{
  "aor": 0.0023065625,
  "aqi": 0.0027009565624999997,
  "bids_meta": {
    "AcquisitionNumber": 3,
    "BidsifyVersion": "0.3.5",
    "ConversionSoftware": "dcm2niix",
    "ConversionSoftwareVersion": "v1.0.20181125  GCC6.3.0",
    "EchoTime": 0.02763,
    "EffectiveEchoSpacing": 0.0006909035636805814,
    "FlipAngle": 76.1,
    "ImageComments": "PIOP2",
    "ImageOrientationPatientDICOM": [
      0.999945,
      -0.00284117,
      -0.0100926,
      0.00052357,
      0.974916,
      -0.222575
    ],
    "Manufacturer": "Philips",
    "NumberOfVolumesDiscardedByScanner": 2,
    "ParallelAcquisitionTechnique": "SENSE",
    "ParallelReductionFactorInPlane": 2,
    "PatientPosition": "HFS",
    "PhaseEncodingDirection": "j",
    "PhilipsRescaleIntercept": 0,
    "PhilipsRescaleSlope": 0.76703,
    "PhilipsScaleSlope": 0.0648451,
    "ProtocolName": "WIPtask-wm_boldSENSE",
    "PulseSequenceType": "gradient echo EPI",
    "ReconMatrixPE": 80,
    "RepetitionTime": 2,
    "SeriesDescription": "ImageMRSERIES",
    "SeriesNumber": 3,
    "SliceEncodingDirection": "k",
    "SliceTiming": [
      0.0,
      0.0556,
      0.1111,
      0.1667,
      0.2222,
      0.2778,
      0.3333,
      0.3889,
      0.4444,
      0.5,
      0.5556,
      0.6111,
      0.6667,
      0.7222,
      0.7778,
      0.8333,
      0.8889,
      0.9444,
      1.0,
      1.0556,
      1.1111,
      1.1667,
      1.2222,
      1.2778,
      1.3333,
      1.3889,
      1.4444,
      1.5,
      1.5556,
      1.6111,
      1.6667,
      1.7222,
      1.7778,
      1.8333,
      1.8889,
      1.9444
    ],
    "TaskName": "workingmemory",
    "TotalReadoutTime": 0.026945238983542674,
    "UsePhilipsFloatNotDisplayScaling": 1,
    "WaterFatShift": 12,
    "acq_id": "seq",
    "dataset": "ds002790",
    "modality": "bold",
    "subject_id": "0127",
    "task_id": "workingmemory"
  },
  "dummy_trs": 0,
  "dvars_nstd": 19.3894236936478,
  "dvars_std": 1.3097544591194967,
  "dvars_vstd": 1.0139049367295598,
  "efc": 0.3956310952651362,
  "fber": 237001.96875,
  "fd_mean": 0.10571066369162255,
  "fd_num": 6,
  "fd_perc": 3.75,
  "fwhm_avg": 1.9829196050035056,
  "fwhm_x": 1.9488899999999998,
  "fwhm_y": 2.1221900000000002,
  "fwhm_z": 1.8776788150105161,
  "gcor": 0.0331193,
  "gsr_x": -0.01674158312380314,
  "gsr_y": 0.012363677844405174,
  "provenance": {
    "md5sum": "4b3d900bf670ca0b95aa72db5778320b",
    "settings": {
      "fd_thres": 0.2,
      "testing": false
    },
    "software": "mriqc",
    "version": "22.0.0rc1",
    "webapi_port": null,
    "webapi_url": "https://mriqc.nimh.nih.gov/api/v1"
  },
  "size_t": 160,
  "size_x": 80,
  "size_y": 80,
  "size_z": 36,
  "snr": 5.872078620456926,
  "spacing_tr": 2.0,
  "spacing_x": 3.0,
  "spacing_y": 3.0,
  "spacing_z": 3.299999952316284,
  "summary_bg_k": 137.65288467992622,
  "summary_bg_mad": 46.76943647329112,
  "summary_bg_mean": 418.6236267089844,
  "summary_bg_median": 46.664913177490234,
  "summary_bg_n": 160669.0,
  "summary_bg_p05": 4.396356296539308,
  "summary_bg_p95": 1933.1039306640635,
  "summary_bg_stdv": 1369.09716796875,
  "summary_fg_k": 0.9291124087376597,
  "summary_fg_mad": 3912.978175143116,
  "summary_fg_mean": 23592.083984375,
  "summary_fg_median": 23357.744140625,
  "summary_fg_n": 30041.0,
  "summary_fg_p05": 17785.240234375,
  "summary_fg_p95": 30252.619140625,
  "summary_fg_stdv": 3977.697998046875,
  "tsnr": 104.45633697509766
}