{
  "aor": 0.011773416666666666,
  "aqi": 0.009170256958333334,
  "bids_meta": {
    "AcquisitionNumber": 4,
    "BidsifyVersion": "0.3.5",
    "ConversionSoftware": "dcm2niix",
    "ConversionSoftwareVersion": "v1.0.20181125  GCC6.3.0",
    "EchoTime": 0.02763,
    "EffectiveEchoSpacing": 0.0006909035636805814,
    "FlipAngle": 76.1,
    "ImageComments": "PIOP2",
    "ImageOrientationPatientDICOM": [
      0.999359,
      -0.0282192,
      -0.0220477,
      0.0242493,
      0.986292,
      -0.16322
    ],
    "Manufacturer": "Philips",
    "NumberOfVolumesDiscardedByScanner": 2,
    "ParallelAcquisitionTechnique": "SENSE",
    "ParallelReductionFactorInPlane": 2,
    "PatientPosition": "HFS",
    "PhaseEncodingDirection": "j",
    "PhilipsRescaleIntercept": 0,
    "PhilipsRescaleSlope": 0.78803,
    "PhilipsScaleSlope": 0.0515442,
    "ProtocolName": "WIPtask-rest_boldSENSE",
    "PulseSequenceType": "gradient echo EPI",
    "ReconMatrixPE": 80,
    "RepetitionTime": 2,
    "SeriesDescription": "ImageMRSERIES",
    "SeriesNumber": 4,
    "SliceEncodingDirection": "k",
    "SliceTiming": [
      0.0,
      0.0556,
      0.1111,
      0.1667,
      0.2222,
      0.2778,
      0.3333,
      0.3889,
      0.4444,
      0.5,
      0.5556,
      0.6111,
      0.6667,
      0.7222,
      0.7778,
      0.8333,
      0.8889,
      0.9444,
      1.0,
      1.0556,
      1.1111,
      1.1667,
      1.2222,
      1.2778,
      1.3333,
      1.3889,
      1.4444,
      1.5,
      1.5556,
      1.6111,
      1.6667,
      1.7222,
      1.7778,
      1.8333,
      1.8889,
      1.9444
    ],
    "TaskName": "restingstate",
    "TotalReadoutTime": 0.026945238983542674,
    "UsePhilipsFloatNotDisplayScaling": 1,
    "WaterFatShift": 12,
    "acq_id": "seq",
    "dataset": "ds002790",
    "modality": "bold",
    "subject_id": "0003",
    "task_id": "restingstate"
  },
  "dummy_trs": 0,
  "dvars_nstd": 22.456462508995816,
  "dvars_std": 1.2078379258577412,
  "dvars_vstd": 0.9883674734309633,
  "efc": 0.3979515875038575,
  "fber": 230898.890625,
  "fd_mean": 0.25245085068075235,
  "fd_num": 157,
  "fd_perc": 65.41666666666667,
  "fwhm_avg": 1.9821271362677537,
  "fwhm_x": 1.9328433333333335,
  "fwhm_y": 2.1735533333333334,
  "fwhm_z": 1.8399847421365945,
  "gcor": 0.0187714,
  "gsr_x": -0.015690386295318604,
  "gsr_y": 0.009847573935985565,
  "provenance": {
    "md5sum": "9d6026d3fff0447d00f0ebd9ff10ae2f",
    "settings": {
      "fd_thres": 0.2,
      "testing": false
    },
    "software": "mriqc",
    "version": "22.0.0rc1",
    "webapi_port": null,
    "webapi_url": "https://mriqc.nimh.nih.gov/api/v1"
  },
  "size_t": 240,
  "size_x": 80,
  "size_y": 80,
  "size_z": 36,
  "snr": 4.781744409443777,
  "spacing_tr": 2.0,
  "spacing_x": 3.0,
  "spacing_y": 3.0,
  "spacing_z": 3.3000001907348633,
  "summary_bg_k": 94.77400896062885,
  "summary_bg_mad": 59.08117865058224,
  "summary_bg_mean": 476.4267883300781,
  "summary_bg_median": 55.09320831298828,
  "summary_bg_n": 159764.0,
  "summary_bg_p05": 4.958019208908081,
  "summary_bg_p95": 2022.290368652348,
  "summary_bg_stdv": 1547.7357177734375,
  "summary_fg_k": 1.8864016630693863,
  "summary_fg_mad": 4866.679426441593,
  "summary_fg_mean": 27612.916015625,
  "summary_fg_median": 26737.357421875,
  "summary_fg_n": 31455.0,
  "summary_fg_p05": 20398.473828125,
  "summary_fg_p95": 37859.330078125,
  "summary_fg_stdv": 5591.4599609375,
  "tsnr": 60.51402282714844
}