{
  "aor": 0.001821125,
  "aqi": 0.007070060791666666,
  "bids_meta": {
    "AcquisitionNumber": 4,
    "BidsifyVersion": "0.3.5",
    "ConversionSoftware": "dcm2niix",
    "ConversionSoftwareVersion": "v1.0.20181125  GCC6.3.0",
    "EchoTime": 0.02763,
    "EffectiveEchoSpacing": 0.0006909035636805814,
    "FlipAngle": 76.1,
    "ImageComments": "PIOP2",
    "ImageOrientationPatientDICOM": [
      0.996929,
      0.076317,
      -0.0175627,
      -0.0775847,
      0.993004,
      -0.0890168
    ],
    "Manufacturer": "Philips",
    "NumberOfVolumesDiscardedByScanner": 2,
    "ParallelAcquisitionTechnique": "SENSE",
    "ParallelReductionFactorInPlane": 2,
    "PatientPosition": "HFS",
    "PhaseEncodingDirection": "j",
    "PhilipsRescaleIntercept": 0,
    "PhilipsRescaleSlope": 0.76093,
    "PhilipsScaleSlope": 0.0572987,
    "ProtocolName": "WIPtask-rest_boldSENSE",
    "PulseSequenceType": "gradient echo EPI",
    "ReconMatrixPE": 80,
    "RepetitionTime": 2,
    "SeriesDescription": "ImageMRSERIES",
    "SeriesNumber": 4,
    "SliceEncodingDirection": "k",
    "SliceTiming": [
      0.0,
      0.0556,
      0.1111,
      0.1667,
      0.2222,
      0.2778,
      0.3333,
      0.3889,
      0.4444,
      0.5,
      0.5556,
      0.6111,
      0.6667,
      0.7222,
      0.7778,
      0.8333,
      0.8889,
      0.9444,
      1.0,
      1.0556,
      1.1111,
      1.1667,
      1.2222,
      1.2778,
      1.3333,
      1.3889,
      1.4444,
      1.5,
      1.5556,
      1.6111,
      1.6667,
      1.7222,
      1.7778,
      1.8333,
      1.8889,
      1.9444
    ],
    "TaskName": "restingstate",
    "TotalReadoutTime": 0.026945238983542674,
    "UsePhilipsFloatNotDisplayScaling": 1,
    "WaterFatShift": 12,
    "acq_id": "seq",
    "dataset": "ds002790",
    "modality": "bold",
    "subject_id": "0119",
    "task_id": "restingstate"
  },
  "dummy_trs": 0,
  "dvars_nstd": 23.842729863514634,
  "dvars_std": 1.33015665995816,
  "dvars_vstd": 0.9458440203347276,
  "efc": 0.4095483641443792,
  "fber": 270690.59375,
  "fd_mean": 0.1124663784357012,
  "fd_num": 19,
  "fd_perc": 7.916666666666667,
  "fwhm_avg": 1.9200105137641899,
  "fwhm_x": 1.90467,
  "fwhm_y": 2.0462433333333334,
  "fwhm_z": 1.8091182079592358,
  "gcor": 0.0427282,
  "gsr_x": -0.0176997110247612,
  "gsr_y": 0.006372794508934021,
  "provenance": {
    "md5sum": "26940fbedd05921601efd00b6ceff105",
    "settings": {
      "fd_thres": 0.2,
      "testing": false
    },
    "software": "mriqc",
    "version": "22.0.0rc1",
    "webapi_port": null,
    "webapi_url": "https://mriqc.nimh.nih.gov/api/v1"
  },
  "size_t": 240,
  "size_x": 80,
  "size_y": 80,
  "size_z": 36,
  "snr": 5.319516622022266,
  "spacing_tr": 2.0,
  "spacing_x": 3.0,
  "spacing_y": 3.0,
  "spacing_z": 3.299999952316284,
  "summary_bg_k": 48.74023064937845,
  "summary_bg_mad": 50.21400350561461,
  "summary_bg_mean": 513.8574829101562,
  "summary_bg_median": 46.70280456542969,
  "summary_bg_n": 158774.0,
  "summary_bg_p05": 4.003406882286072,
  "summary_bg_p95": 2749.5822998046892,
  "summary_bg_stdv": 1522.2044677734375,
  "summary_fg_k": 1.6183565505272108,
  "summary_fg_mad": 4219.493153135589,
  "summary_fg_mean": 24986.53125,
  "summary_fg_median": 24464.75390625,
  "summary_fg_n": 32630.0,
  "summary_fg_p05": 18628.7091796875,
  "summary_fg_p95": 32985.959179687496,
  "summary_fg_stdv": 4598.9853515625,
  "tsnr": 70.25212097167969
}