{
  "bids_meta": {
    "AcquisitionNumber": 2,
    "BidsifyVersion": "0.3.5",
    "ConversionSoftware": "dcm2niix",
    "ConversionSoftwareVersion": "v1.0.20181125  GCC6.3.0",
    "EchoTime": 0.00374,
    "ImageComments": "PIOP2",
    "ImageOrientationPatientDICOM": [
      0.999938,
      0.00399952,
      0.0103486,
      -0.00366498,
      0.999476,
      -0.0321467
    ],
    "Manufacturer": "Philips",
    "NumberSignalAcquisitions": 2,
    "PatientPosition": "HFS",
    "PhilipsRescaleIntercept": 0,
    "PhilipsRescaleSlope": 8.90623,
    "PhilipsScaleSlope": 0.0071788,
    "ProtocolName": "WIPT1anat_acq-6m_T1wSENSE",
    "ReconMatrixPE": 240,
    "RepetitionTime": 0.00818,
    "SeriesDescription": "ImageMRSERIES",
    "SeriesNumber": 2,
    "UsePhilipsFloatNotDisplayScaling": 1,
    "dataset": "ds002790",
    "modality": "T1w",
    "subject_id": "0187"
  },
  "cjv": 0.24753074725605892,
  "cnr": 4.9510409782835145,
  "efc": 0.7449020998066878,
  "fber": 1426.1063232421875,
  "fwhm_avg": 4.458676666666666,
  "fwhm_x": 4.27844,
  "fwhm_y": 4.43226,
  "fwhm_z": 4.66533,
  "icvs_csf": 0.24252351095655547,
  "icvs_gm": 0.4003581264570347,
  "icvs_wm": 0.35711836258640983,
  "inu_med": 1.5154099464416504,
  "inu_range": 0.35222347974777235,
  "provenance": {
    "md5sum": "bfd38432108e35c12f387aa054f8e152",
    "settings": {
      "testing": false
    },
    "software": "mriqc",
    "version": "22.0.0rc1",
    "warnings": {
      "large_rot_frame": true,
      "small_air_mask": true
    },
    "webapi_port": null,
    "webapi_url": "https://mriqc.nimh.nih.gov/api/v1"
  },
  "qi_1": 0.0,
  "qi_2": 6.557988932506422e-05,
  "rpve_csf": 29.347007780611055,
  "rpve_gm": 17.62334264224744,
  "rpve_wm": 25.72270592290294,
  "size_x": 240,
  "size_y": 240,
  "size_z": 220,
  "snr_csf": 2.421595498572366,
  "snr_gm": 9.870282986916909,
  "snr_total": 12.523814127537738,
  "snr_wm": 25.279563897123936,
  "snrd_csf": 20.92011173857882,
  "snrd_gm": 49.8190474494385,
  "snrd_total": 50.075457575726944,
  "snrd_wm": 79.48721353916352,
  "spacing_x": 1.0,
  "spacing_y": 1.0,
  "spacing_z": 1.0,
  "summary_bg_k": 37.810338533411496,
  "summary_bg_mad": 8.242050865231088,
  "summary_bg_mean": 8.820449829101562,
  "summary_bg_median": 5.682056903839111,
  "summary_bg_n": 175397.0,
  "summary_bg_p05": 0.0,
  "summary_bg_p95": 22.557763671874994,
  "summary_bg_stdv": 9.298881530761719,
  "summary_csf_k": -0.8400948047603269,
  "summary_csf_mad": 135.5887191278427,
  "summary_csf_mean": 256.8858642578125,
  "summary_csf_median": 263.18890380859375,
  "summary_csf_n": 9096.0,
  "summary_csf_p05": 88.67608833312988,
  "summary_csf_p95": 421.1261215209961,
  "summary_csf_stdv": 108.67811584472656,
  "summary_gm_k": 0.44638767691298487,
  "summary_gm_mad": 61.06965587189295,
  "summary_gm_mean": 630.7247314453125,
  "summary_gm_median": 626.7567138671875,
  "summary_gm_n": 19273.0,
  "summary_gm_p05": 536.0463012695312,
  "summary_gm_p95": 742.3723754882812,
  "summary_gm_stdv": 63.497718811035156,
  "summary_wm_k": 2.4721450375384624,
  "summary_wm_mad": 31.320017111359874,
  "summary_wm_mean": 995.4520263671875,
  "summary_wm_median": 1000.001953125,
  "summary_wm_n": 170584.0,
  "summary_wm_p05": 922.3867553710937,
  "summary_wm_p95": 1049.8665710449218,
  "summary_wm_stdv": 39.5576057434082,
  "tpm_overlap_csf": 0.17133450508117676,
  "tpm_overlap_gm": 0.44506388902664185,
  "tpm_overlap_wm": 0.5058903098106384,
  "wm2max": 0.7545040818484949
}