{
  "bids_meta": {
    "AcquisitionNumber": 2,
    "BidsifyVersion": "0.3.5",
    "ConversionSoftware": "dcm2niix",
    "ConversionSoftwareVersion": "v1.0.20181125  GCC6.3.0",
    "EchoTime": 0.00374,
    "ImageComments": "PIOP2",
    "ImageOrientationPatientDICOM": [
      0.996282,
      0.0109077,
      -0.0854599,
      -0.00817273,
      0.999445,
      0.0322873
    ],
    "Manufacturer": "Philips",
    "PatientPosition": "HFS",
    "PhilipsRescaleIntercept": 0,
    "PhilipsRescaleSlope": 9.96874,
    "PhilipsScaleSlope": 0.00765726,
    "ProtocolName": "WIPT1anat_acq-6m_T1wSENSE",
    "ReconMatrixPE": 240,
    "RepetitionTime": 0.008192,
    "SeriesDescription": "ImageMRSERIES",
    "SeriesNumber": 2,
    "UsePhilipsFloatNotDisplayScaling": 1,
    "dataset": "ds002790",
    "modality": "T1w",
    "subject_id": "0201"
  },
  "cjv": 0.21555134428494063,
  "cnr": 5.8759264712546875,
  "efc": 0.7548337853509337,
  "fber": -1.0,
  "fwhm_avg": 5.037870000000001,
  "fwhm_x": 4.71124,
  "fwhm_y": 5.05236,
  "fwhm_z": 5.35001,
  "icvs_csf": 0.2421723379813335,
  "icvs_gm": 0.435887192428627,
  "icvs_wm": 0.32194046959003947,
  "inu_med": 0.569840133190155,
  "inu_range": 0.19826774001121517,
  "provenance": {
    "md5sum": "4f3ff3ece1bf3c09cf5b924ed41b44cb",
    "settings": {
      "testing": false
    },
    "software": "mriqc",
    "version": "23.0.1",
    "warnings": {
      "large_rot_frame": true,
      "small_air_mask": true
    },
    "webapi_port": null,
    "webapi_url": "https://mriqc.nimh.nih.gov/api/v1"
  },
  "qi_1": 0.004696564596680624,
  "qi_2": 0.0001816869377768778,
  "rpve_csf": 20.94406798053406,
  "rpve_gm": 12.232193476411526,
  "rpve_wm": 20.08178862488659,
  "size_x": 240,
  "size_y": 240,
  "size_z": 220,
  "snr_csf": 1.3495519972284957,
  "snr_gm": 9.236659541214008,
  "snr_total": 12.4986644514666,
  "snr_wm": 26.909781815957295,
  "snrd_csf": 7.0376734843826245,
  "snrd_gm": 34.54973493547647,
  "snrd_total": 34.02177990797242,
  "snrd_wm": 60.47793130405819,
  "spacing_x": 1.0,
  "spacing_y": 1.0,
  "spacing_z": 1.0,
  "summary_bg_k": 439.3080658921351,
  "summary_bg_mad": 0.0,
  "summary_bg_mean": 2.304986679970948,
  "summary_bg_median": 0.0,
  "summary_bg_n": 69168.0,
  "summary_bg_p05": 0.0,
  "summary_bg_p95": 15.979815356433392,
  "summary_bg_stdv": 10.832652534459871,
  "summary_csf_k": 1.2693400934721666,
  "summary_csf_mad": 73.98463730489351,
  "summary_csf_mean": 137.84096604435447,
  "summary_csf_median": 116.36763200350106,
  "summary_csf_n": 41247.0,
  "summary_csf_p05": 28.992618212476373,
  "summary_csf_p95": 303.7800278943032,
  "summary_csf_stdv": 86.2258153925038,
  "summary_gm_k": 0.40424328403851195,
  "summary_gm_mad": 59.61028127421429,
  "summary_gm_mean": 571.2923585556,
  "summary_gm_median": 571.2783989924937,
  "summary_gm_n": 43881.0,
  "summary_gm_p05": 470.35324937291443,
  "summary_gm_p95": 671.1055203638971,
  "summary_gm_stdv": 61.84832157138848,
  "summary_wm_k": 1.0423283199134419,
  "summary_wm_mad": 32.80124135193547,
  "summary_wm_mean": 997.6440369181096,
  "summary_wm_median": 1000.0000241473317,
  "summary_wm_n": 206875.0,
  "summary_wm_p05": 931.7353743351996,
  "summary_wm_p95": 1054.1304805520922,
  "summary_wm_stdv": 37.161119107734,
  "tpm_overlap_csf": 0.16486795871258353,
  "tpm_overlap_gm": 0.48486090540878785,
  "tpm_overlap_wm": 0.523633456065469,
  "wm2max": 0.7259837116181718
}