{
  "aor": 0.001556,
  "aqi": 0.005970962937499999,
  "bids_meta": {
    "AcquisitionNumber": 3,
    "BidsifyVersion": "0.3.5",
    "ConversionSoftware": "dcm2niix",
    "ConversionSoftwareVersion": "v1.0.20181125  GCC6.3.0",
    "EchoTime": 0.02763,
    "EffectiveEchoSpacing": 0.0006909035636805814,
    "FlipAngle": 76.1,
    "ImageComments": "PIOP2",
    "ImageOrientationPatientDICOM": [
      0.995404,
      0.0948282,
      0.0133829,
      -0.0930418,
      0.990685,
      -0.0994336
    ],
    "Manufacturer": "Philips",
    "NumberOfVolumesDiscardedByScanner": 2,
    "ParallelAcquisitionTechnique": "SENSE",
    "ParallelReductionFactorInPlane": 2,
    "PatientPosition": "HFS",
    "PhaseEncodingDirection": "j",
    "PhilipsRescaleIntercept": 0,
    "PhilipsRescaleSlope": 0.74432,
    "PhilipsScaleSlope": 0.0522001,
    "ProtocolName": "WIPtask-wm_boldSENSE",
    "PulseSequenceType": "gradient echo EPI",
    "ReconMatrixPE": 80,
    "RepetitionTime": 2,
    "SeriesDescription": "ImageMRSERIES",
    "SeriesNumber": 3,
    "SliceEncodingDirection": "k",
    "SliceTiming": [
      0.0,
      0.0556,
      0.1111,
      0.1667,
      0.2222,
      0.2778,
      0.3333,
      0.3889,
      0.4444,
      0.5,
      0.5556,
      0.6111,
      0.6667,
      0.7222,
      0.7778,
      0.8333,
      0.8889,
      0.9444,
      1.0,
      1.0556,
      1.1111,
      1.1667,
      1.2222,
      1.2778,
      1.3333,
      1.3889,
      1.4444,
      1.5,
      1.5556,
      1.6111,
      1.6667,
      1.7222,
      1.7778,
      1.8333,
      1.8889,
      1.9444
    ],
    "TaskName": "workingmemory",
    "TotalReadoutTime": 0.026945238983542674,
    "UsePhilipsFloatNotDisplayScaling": 1,
    "WaterFatShift": 12,
    "acq_id": "seq",
    "dataset": "ds002790",
    "modality": "bold",
    "subject_id": "0188",
    "task_id": "workingmemory"
  },
  "dummy_trs": 0,
  "dvars_nstd": 21.847503541949685,
  "dvars_std": 1.200431226289308,
  "dvars_vstd": 0.9774266871698112,
  "efc": 0.43299665131149734,
  "fber": 234943.453125,
  "fd_mean": 0.21359182381717554,
  "fd_num": 82,
  "fd_perc": 51.25,
  "fwhm_avg": 2.1359550600534263,
  "fwhm_x": 2.079683333333333,
  "fwhm_y": 2.3457666666666666,
  "fwhm_z": 1.9824151801602794,
  "gcor": 0.0446705,
  "gsr_x": -0.011482606641948223,
  "gsr_y": 0.013948741368949413,
  "provenance": {
    "md5sum": "59995f3ccb0902014394adccc42715cf",
    "settings": {
      "fd_thres": 0.2,
      "testing": false
    },
    "software": "mriqc",
    "version": "22.0.0rc1",
    "webapi_port": null,
    "webapi_url": "https://mriqc.nimh.nih.gov/api/v1"
  },
  "size_t": 160,
  "size_x": 80,
  "size_y": 80,
  "size_z": 36,
  "snr": 4.806231890959759,
  "spacing_tr": 2.0,
  "spacing_x": 3.0,
  "spacing_y": 3.0,
  "spacing_z": 3.299999952316284,
  "summary_bg_k": 62.03669364403302,
  "summary_bg_mad": 59.067705410168436,
  "summary_bg_mean": 634.1448364257812,
  "summary_bg_median": 52.429908752441406,
  "summary_bg_n": 153895.0,
  "summary_bg_p05": 3.4959185838699343,
  "summary_bg_p95": 3678.7167480468665,
  "summary_bg_stdv": 1786.3492431640625,
  "summary_fg_k": 3.1077151389827664,
  "summary_fg_mad": 4389.823009377438,
  "summary_fg_mean": 26423.724609375,
  "summary_fg_median": 25739.294921875,
  "summary_fg_n": 36203.0,
  "summary_fg_p05": 19571.718359375,
  "summary_fg_p95": 35713.53554687501,
  "summary_fg_stdv": 5355.326171875,
  "tsnr": 70.99580383300781
}