{
  "aor": 0.003140666666666667,
  "aqi": 0.006224512375,
  "bids_meta": {
    "AcquisitionNumber": 4,
    "BidsifyVersion": "0.3.5",
    "ConversionSoftware": "dcm2niix",
    "ConversionSoftwareVersion": "v1.0.20181125  GCC6.3.0",
    "EchoTime": 0.02763,
    "EffectiveEchoSpacing": 0.0006909035636805814,
    "FlipAngle": 76.1,
    "ImageComments": "PIOP2",
    "ImageOrientationPatientDICOM": [
      0.996267,
      0.0863225,
      0.000817196,
      -0.0859357,
      0.992614,
      -0.08563
    ],
    "Manufacturer": "Philips",
    "NumberOfVolumesDiscardedByScanner": 2,
    "ParallelAcquisitionTechnique": "SENSE",
    "ParallelReductionFactorInPlane": 2,
    "PatientPosition": "HFS",
    "PhaseEncodingDirection": "j",
    "PhilipsRescaleIntercept": 0,
    "PhilipsRescaleSlope": 0.74799,
    "PhilipsScaleSlope": 0.0571408,
    "ProtocolName": "WIPtask-rest_boldSENSE",
    "PulseSequenceType": "gradient echo EPI",
    "ReconMatrixPE": 80,
    "RepetitionTime": 2,
    "SeriesDescription": "ImageMRSERIES",
    "SeriesNumber": 4,
    "SliceEncodingDirection": "k",
    "SliceTiming": [
      0.0,
      0.0556,
      0.1111,
      0.1667,
      0.2222,
      0.2778,
      0.3333,
      0.3889,
      0.4444,
      0.5,
      0.5556,
      0.6111,
      0.6667,
      0.7222,
      0.7778,
      0.8333,
      0.8889,
      0.9444,
      1.0,
      1.0556,
      1.1111,
      1.1667,
      1.2222,
      1.2778,
      1.3333,
      1.3889,
      1.4444,
      1.5,
      1.5556,
      1.6111,
      1.6667,
      1.7222,
      1.7778,
      1.8333,
      1.8889,
      1.9444
    ],
    "TaskName": "restingstate",
    "TotalReadoutTime": 0.026945238983542674,
    "UsePhilipsFloatNotDisplayScaling": 1,
    "WaterFatShift": 12,
    "acq_id": "seq",
    "dataset": "ds002790",
    "modality": "bold",
    "subject_id": "0133",
    "task_id": "restingstate"
  },
  "dummy_trs": 0,
  "dvars_nstd": 23.867334425564852,
  "dvars_std": 1.342698412426778,
  "dvars_vstd": 1.0121224861924687,
  "efc": 0.4488452265052,
  "fber": 209415.640625,
  "fd_mean": 0.17491587075674803,
  "fd_num": 64,
  "fd_perc": 26.666666666666668,
  "fwhm_avg": 2.0289154636983344,
  "fwhm_x": 2.0140966666666666,
  "fwhm_y": 2.1723466666666664,
  "fwhm_z": 1.90030305776167,
  "gcor": 0.0281803,
  "gsr_x": -0.0070293620228767395,
  "gsr_y": 0.013760768808424473,
  "provenance": {
    "md5sum": "5259b9ad899b1a650de4c59c5957c60d",
    "settings": {
      "fd_thres": 0.2,
      "testing": false
    },
    "software": "mriqc",
    "version": "22.0.0rc1",
    "webapi_port": null,
    "webapi_url": "https://mriqc.nimh.nih.gov/api/v1"
  },
  "size_t": 240,
  "size_x": 80,
  "size_y": 80,
  "size_z": 36,
  "snr": 5.402221643988833,
  "spacing_tr": 2.0,
  "spacing_x": 3.0,
  "spacing_y": 3.0,
  "spacing_z": 3.299999952316284,
  "summary_bg_k": 48.28906360545228,
  "summary_bg_mad": 59.74973924914889,
  "summary_bg_mean": 777.9291381835938,
  "summary_bg_median": 53.30409240722656,
  "summary_bg_n": 152748.0,
  "summary_bg_p05": 5.575069499015808,
  "summary_bg_p95": 4565.219384765612,
  "summary_bg_stdv": 2107.785888671875,
  "summary_fg_k": 3.7115756215151894,
  "summary_fg_mad": 3703.5359982658065,
  "summary_fg_mean": 25506.8203125,
  "summary_fg_median": 24779.90234375,
  "summary_fg_n": 37128.0,
  "summary_fg_p05": 19878.009375,
  "summary_fg_p95": 33206.055859375,
  "summary_fg_stdv": 4586.921875,
  "tsnr": 80.6553726196289
}