{
  "aor": 0.002583875,
  "aqi": 0.003996893541666667,
  "bids_meta": {
    "AcquisitionNumber": 4,
    "BidsifyVersion": "0.3.5",
    "ConversionSoftware": "dcm2niix",
    "ConversionSoftwareVersion": "v1.0.20181125  GCC6.3.0",
    "EchoTime": 0.02763,
    "EffectiveEchoSpacing": 0.0006909035636805814,
    "FlipAngle": 76.1,
    "ImageComments": "PIOP2",
    "ImageOrientationPatientDICOM": [
      0.995869,
      0.0557174,
      -0.0717027,
      -0.0649236,
      0.988956,
      -0.133235
    ],
    "Manufacturer": "Philips",
    "NumberOfVolumesDiscardedByScanner": 2,
    "ParallelAcquisitionTechnique": "SENSE",
    "ParallelReductionFactorInPlane": 2,
    "PatientPosition": "HFS",
    "PhaseEncodingDirection": "j",
    "PhilipsRescaleIntercept": 0,
    "PhilipsRescaleSlope": 0.85543,
    "PhilipsScaleSlope": 0.0554538,
    "ProtocolName": "WIPtask-rest_boldSENSE",
    "PulseSequenceType": "gradient echo EPI",
    "ReconMatrixPE": 80,
    "RepetitionTime": 2,
    "SeriesDescription": "ImageMRSERIES",
    "SeriesNumber": 4,
    "SliceEncodingDirection": "k",
    "SliceTiming": [
      0.0,
      0.0556,
      0.1111,
      0.1667,
      0.2222,
      0.2778,
      0.3333,
      0.3889,
      0.4444,
      0.5,
      0.5556,
      0.6111,
      0.6667,
      0.7222,
      0.7778,
      0.8333,
      0.8889,
      0.9444,
      1.0,
      1.0556,
      1.1111,
      1.1667,
      1.2222,
      1.2778,
      1.3333,
      1.3889,
      1.4444,
      1.5,
      1.5556,
      1.6111,
      1.6667,
      1.7222,
      1.7778,
      1.8333,
      1.8889,
      1.9444
    ],
    "TaskName": "restingstate",
    "TotalReadoutTime": 0.026945238983542674,
    "UsePhilipsFloatNotDisplayScaling": 1,
    "WaterFatShift": 12,
    "acq_id": "seq",
    "dataset": "ds002790",
    "modality": "bold",
    "subject_id": "0156",
    "task_id": "restingstate"
  },
  "dummy_trs": 0,
  "dvars_nstd": 18.884852449288697,
  "dvars_std": 1.2300790092887033,
  "dvars_vstd": 1.0056200123849377,
  "efc": 0.42223645140000116,
  "fber": 268906.875,
  "fd_mean": 0.10747369022302969,
  "fd_num": 17,
  "fd_perc": 7.083333333333333,
  "fwhm_avg": 2.070018191182274,
  "fwhm_x": 2.0295666666666667,
  "fwhm_y": 2.236333333333333,
  "fwhm_z": 1.9441545735468224,
  "gcor": 0.0230615,
  "gsr_x": -0.016192032024264336,
  "gsr_y": 0.013928202912211418,
  "provenance": {
    "md5sum": "36d5fb90e7186be5a49d4555fcc856be",
    "settings": {
      "fd_thres": 0.2,
      "testing": false
    },
    "software": "mriqc",
    "version": "22.0.0rc1",
    "webapi_port": null,
    "webapi_url": "https://mriqc.nimh.nih.gov/api/v1"
  },
  "size_t": 240,
  "size_x": 80,
  "size_y": 80,
  "size_z": 36,
  "snr": 5.76928059457705,
  "spacing_tr": 2.0,
  "spacing_x": 3.0,
  "spacing_y": 3.0,
  "spacing_z": 3.299999952316284,
  "summary_bg_k": 73.30898921198826,
  "summary_bg_mad": 52.9486725842725,
  "summary_bg_mean": 544.3009643554688,
  "summary_bg_median": 49.57752990722656,
  "summary_bg_n": 155505.0,
  "summary_bg_p05": 3.037872505187989,
  "summary_bg_p95": 3025.621386718731,
  "summary_bg_stdv": 1687.2098388671875,
  "summary_fg_k": 1.0504264452838488,
  "summary_fg_mad": 4188.284666006792,
  "summary_fg_mean": 26840.08984375,
  "summary_fg_median": 26353.72265625,
  "summary_fg_n": 34302.0,
  "summary_fg_p05": 20255.70966796875,
  "summary_fg_p95": 34806.4990234375,
  "summary_fg_stdv": 4567.87255859375,
  "tsnr": 94.44355773925781
}