{
  "aor": 0.004141037037037037,
  "aqi": 0.0037094211111111113,
  "bids_meta": {
    "AcquisitionNumber": 8,
    "BidsifyVersion": "0.3.5",
    "ConversionSoftware": "dcm2niix",
    "ConversionSoftwareVersion": "v1.0.20181125  GCC6.3.0",
    "EchoTime": 0.02763,
    "EffectiveEchoSpacing": 0.0006909035636805814,
    "FlipAngle": 76.1,
    "ImageComments": "PIOP2",
    "ImageOrientationPatientDICOM": [
      0.995869,
      0.0557174,
      -0.0717027,
      -0.0649236,
      0.988956,
      -0.133235
    ],
    "Manufacturer": "Philips",
    "NumberOfVolumesDiscardedByScanner": 2,
    "ParallelAcquisitionTechnique": "SENSE",
    "ParallelReductionFactorInPlane": 2,
    "PatientPosition": "HFS",
    "PhaseEncodingDirection": "j",
    "PhilipsRescaleIntercept": 0,
    "PhilipsRescaleSlope": 0.85543,
    "PhilipsScaleSlope": 0.0548022,
    "ProtocolName": "WIPtask-harriri_boldSENSE",
    "PulseSequenceType": "gradient echo EPI",
    "ReconMatrixPE": 80,
    "RepetitionTime": 2,
    "SeriesDescription": "ImageMRSERIES",
    "SeriesNumber": 8,
    "SliceEncodingDirection": "k",
    "SliceTiming": [
      0.0,
      0.0556,
      0.1111,
      0.1667,
      0.2222,
      0.2778,
      0.3333,
      0.3889,
      0.4444,
      0.5,
      0.5556,
      0.6111,
      0.6667,
      0.7222,
      0.7778,
      0.8333,
      0.8889,
      0.9444,
      1.0,
      1.0556,
      1.1111,
      1.1667,
      1.2222,
      1.2778,
      1.3333,
      1.3889,
      1.4444,
      1.5,
      1.5556,
      1.6111,
      1.6667,
      1.7222,
      1.7778,
      1.8333,
      1.8889,
      1.9444
    ],
    "TaskName": "emomatching",
    "TotalReadoutTime": 0.026945238983542674,
    "UsePhilipsFloatNotDisplayScaling": 1,
    "WaterFatShift": 12,
    "acq_id": "seq",
    "dataset": "ds002790",
    "modality": "bold",
    "subject_id": "0156",
    "task_id": "emomatching"
  },
  "dummy_trs": 0,
  "dvars_nstd": 21.367919381194024,
  "dvars_std": 1.351174568134328,
  "dvars_vstd": 1.0475498002985075,
  "efc": 0.4210772968796025,
  "fber": 274814.15625,
  "fd_mean": 0.11472307780563318,
  "fd_num": 16,
  "fd_perc": 11.851851851851851,
  "fwhm_avg": 2.0748451609011958,
  "fwhm_x": 2.0276033333333334,
  "fwhm_y": 2.24822,
  "fwhm_z": 1.9487121493702533,
  "gcor": 0.0465218,
  "gsr_x": -0.015654077753424644,
  "gsr_y": 0.014535343274474144,
  "provenance": {
    "md5sum": "35197da905d8b5deb632a53477e798c0",
    "settings": {
      "fd_thres": 0.2,
      "testing": false
    },
    "software": "mriqc",
    "version": "22.0.0rc1",
    "webapi_port": null,
    "webapi_url": "https://mriqc.nimh.nih.gov/api/v1"
  },
  "size_t": 135,
  "size_x": 80,
  "size_y": 80,
  "size_z": 36,
  "snr": 5.789790743976148,
  "spacing_tr": 2.0,
  "spacing_x": 3.0,
  "spacing_y": 3.0,
  "spacing_z": 3.299999952316284,
  "summary_bg_k": 74.1957495196902,
  "summary_bg_mad": 51.4721968796417,
  "summary_bg_mean": 542.3568725585938,
  "summary_bg_median": 48.812599182128906,
  "summary_bg_n": 155786.0,
  "summary_bg_p05": 2.936784267425537,
  "summary_bg_p95": 3028.5687255859375,
  "summary_bg_stdv": 1670.102294921875,
  "summary_fg_k": 1.1672822403541332,
  "summary_fg_mad": 4137.860264186582,
  "summary_fg_mean": 26673.076171875,
  "summary_fg_median": 26222.505859375,
  "summary_fg_n": 34032.0,
  "summary_fg_p05": 20128.06640625,
  "summary_fg_p95": 34520.541406249984,
  "summary_fg_stdv": 4529.02734375,
  "tsnr": 99.00724792480469
}