{
  "aor": 0.0041308125,
  "aqi": 0.0053078415625,
  "bids_meta": {
    "AcquisitionNumber": 3,
    "BidsifyVersion": "0.3.5",
    "ConversionSoftware": "dcm2niix",
    "ConversionSoftwareVersion": "v1.0.20181125  GCC6.3.0",
    "EchoTime": 0.02763,
    "EffectiveEchoSpacing": 0.0006909035636805814,
    "FlipAngle": 76.1,
    "ImageComments": "PIOP2",
    "ImageOrientationPatientDICOM": [
      0.995869,
      0.0557174,
      -0.0717027,
      -0.0649236,
      0.988956,
      -0.133235
    ],
    "Manufacturer": "Philips",
    "NumberOfVolumesDiscardedByScanner": 2,
    "ParallelAcquisitionTechnique": "SENSE",
    "ParallelReductionFactorInPlane": 2,
    "PatientPosition": "HFS",
    "PhaseEncodingDirection": "j",
    "PhilipsRescaleIntercept": 0,
    "PhilipsRescaleSlope": 0.85934,
    "PhilipsScaleSlope": 0.0573362,
    "ProtocolName": "WIPtask-wm_boldSENSE",
    "PulseSequenceType": "gradient echo EPI",
    "ReconMatrixPE": 80,
    "RepetitionTime": 2,
    "SeriesDescription": "ImageMRSERIES",
    "SeriesNumber": 3,
    "SliceEncodingDirection": "k",
    "SliceTiming": [
      0.0,
      0.0556,
      0.1111,
      0.1667,
      0.2222,
      0.2778,
      0.3333,
      0.3889,
      0.4444,
      0.5,
      0.5556,
      0.6111,
      0.6667,
      0.7222,
      0.7778,
      0.8333,
      0.8889,
      0.9444,
      1.0,
      1.0556,
      1.1111,
      1.1667,
      1.2222,
      1.2778,
      1.3333,
      1.3889,
      1.4444,
      1.5,
      1.5556,
      1.6111,
      1.6667,
      1.7222,
      1.7778,
      1.8333,
      1.8889,
      1.9444
    ],
    "TaskName": "workingmemory",
    "TotalReadoutTime": 0.026945238983542674,
    "UsePhilipsFloatNotDisplayScaling": 1,
    "WaterFatShift": 12,
    "acq_id": "seq",
    "dataset": "ds002790",
    "modality": "bold",
    "subject_id": "0156",
    "task_id": "workingmemory"
  },
  "dummy_trs": 0,
  "dvars_nstd": 19.497534793459128,
  "dvars_std": 1.2094198218238996,
  "dvars_vstd": 1.0058561525786156,
  "efc": 0.42274925575765726,
  "fber": 257104.578125,
  "fd_mean": 0.14463778407568303,
  "fd_num": 29,
  "fd_perc": 18.125,
  "fwhm_avg": 2.0850820295633103,
  "fwhm_x": 2.04664,
  "fwhm_y": 2.2650333333333332,
  "fwhm_z": 1.9435727553565971,
  "gcor": 0.041132,
  "gsr_x": -0.01608792506158352,
  "gsr_y": 0.013975405134260654,
  "provenance": {
    "md5sum": "978eb462a902d22f0a5b204d9326a3e5",
    "settings": {
      "fd_thres": 0.2,
      "testing": false
    },
    "software": "mriqc",
    "version": "22.0.0rc1",
    "webapi_port": null,
    "webapi_url": "https://mriqc.nimh.nih.gov/api/v1"
  },
  "size_t": 160,
  "size_x": 80,
  "size_y": 80,
  "size_z": 36,
  "snr": 5.7195618192284465,
  "spacing_tr": 2.0,
  "spacing_x": 3.0,
  "spacing_y": 3.0,
  "spacing_z": 3.299999952316284,
  "summary_bg_k": 68.16132560564321,
  "summary_bg_mad": 57.47997260946873,
  "summary_bg_mean": 541.7597045898438,
  "summary_bg_median": 50.55056381225586,
  "summary_bg_n": 155367.0,
  "summary_bg_p05": 2.1733321428298953,
  "summary_bg_p95": 3007.9978271484333,
  "summary_bg_stdv": 1673.5465087890625,
  "summary_fg_k": 1.0073681283499232,
  "summary_fg_mad": 4209.007796430103,
  "summary_fg_mean": 26639.16796875,
  "summary_fg_median": 26168.4921875,
  "summary_fg_n": 34454.0,
  "summary_fg_p05": 20022.471484375,
  "summary_fg_p95": 34657.0337890625,
  "summary_fg_stdv": 4575.1953125,
  "tsnr": 79.7048110961914
}