{
  "aor": 0.002646875,
  "aqi": 0.0037485769375,
  "bids_meta": {
    "AcquisitionNumber": 3,
    "BidsifyVersion": "0.3.5",
    "ConversionSoftware": "dcm2niix",
    "ConversionSoftwareVersion": "v1.0.20181125  GCC6.3.0",
    "EchoTime": 0.02763,
    "EffectiveEchoSpacing": 0.0006909035636805814,
    "FlipAngle": 76.1,
    "ImageComments": "PIOP2",
    "ImageOrientationPatientDICOM": [
      0.999818,
      -0.00594069,
      -0.0181421,
      0.00471157,
      0.997738,
      -0.0670567
    ],
    "Manufacturer": "Philips",
    "NumberOfVolumesDiscardedByScanner": 2,
    "ParallelAcquisitionTechnique": "SENSE",
    "ParallelReductionFactorInPlane": 2,
    "PatientPosition": "HFS",
    "PhaseEncodingDirection": "j",
    "PhilipsRescaleIntercept": 0,
    "PhilipsRescaleSlope": 0.83248,
    "PhilipsScaleSlope": 0.0537796,
    "ProtocolName": "WIPtask-wm_boldSENSE",
    "PulseSequenceType": "gradient echo EPI",
    "ReconMatrixPE": 80,
    "RepetitionTime": 2,
    "SeriesDescription": "ImageMRSERIES",
    "SeriesNumber": 3,
    "SliceEncodingDirection": "k",
    "SliceTiming": [
      0.0,
      0.0556,
      0.1111,
      0.1667,
      0.2222,
      0.2778,
      0.3333,
      0.3889,
      0.4444,
      0.5,
      0.5556,
      0.6111,
      0.6667,
      0.7222,
      0.7778,
      0.8333,
      0.8889,
      0.9444,
      1.0,
      1.0556,
      1.1111,
      1.1667,
      1.2222,
      1.2778,
      1.3333,
      1.3889,
      1.4444,
      1.5,
      1.5556,
      1.6111,
      1.6667,
      1.7222,
      1.7778,
      1.8333,
      1.8889,
      1.9444
    ],
    "TaskName": "workingmemory",
    "TotalReadoutTime": 0.026945238983542674,
    "UsePhilipsFloatNotDisplayScaling": 1,
    "WaterFatShift": 12,
    "acq_id": "seq",
    "dataset": "ds002790",
    "modality": "bold",
    "subject_id": "0171",
    "task_id": "workingmemory"
  },
  "dummy_trs": 0,
  "dvars_nstd": 17.60804671194968,
  "dvars_std": 1.1825895978616348,
  "dvars_vstd": 0.9901355648427674,
  "efc": 0.4050398956616814,
  "fber": 244349.59375,
  "fd_mean": 0.10744249549879353,
  "fd_num": 6,
  "fd_perc": 3.75,
  "fwhm_avg": 2.0338320293802816,
  "fwhm_x": 1.96513,
  "fwhm_y": 2.230793333333333,
  "fwhm_z": 1.9055727548075119,
  "gcor": 0.0312844,
  "gsr_x": -0.021294504404067993,
  "gsr_y": 0.01248177234083414,
  "provenance": {
    "md5sum": "24cfc922f2e53d89343190b0245c493d",
    "settings": {
      "fd_thres": 0.2,
      "testing": false
    },
    "software": "mriqc",
    "version": "22.0.0rc1",
    "webapi_port": null,
    "webapi_url": "https://mriqc.nimh.nih.gov/api/v1"
  },
  "size_t": 160,
  "size_x": 80,
  "size_y": 80,
  "size_z": 36,
  "snr": 5.424216330695756,
  "spacing_tr": 2.0,
  "spacing_x": 3.0,
  "spacing_y": 3.0,
  "spacing_z": 3.299999952316284,
  "summary_bg_k": 77.56530949698264,
  "summary_bg_mad": 52.967567499611974,
  "summary_bg_mean": 540.2957153320312,
  "summary_bg_median": 50.68737030029297,
  "summary_bg_n": 159804.0,
  "summary_bg_p05": 3.9155821681022647,
  "summary_bg_p95": 2660.4817260742198,
  "summary_bg_stdv": 1660.551025390625,
  "summary_fg_k": 1.055028697486268,
  "summary_fg_mad": 4404.5216204343415,
  "summary_fg_mean": 26017.96875,
  "summary_fg_median": 25562.4140625,
  "summary_fg_n": 31131.0,
  "summary_fg_p05": 19173.6708984375,
  "summary_fg_p95": 34079.333984375,
  "summary_fg_stdv": 4712.57080078125,
  "tsnr": 89.43694305419922
}