{
  "aor": 0.00155,
  "aqi": 0.003028500416666667,
  "bids_meta": {
    "AcquisitionNumber": 4,
    "BidsifyVersion": "0.3.5",
    "ConversionSoftware": "dcm2niix",
    "ConversionSoftwareVersion": "v1.0.20181125  GCC6.3.0",
    "EchoTime": 0.02763,
    "EffectiveEchoSpacing": 0.0006909035636805814,
    "FlipAngle": 76.1,
    "ImageComments": "PIOP2",
    "ImageOrientationPatientDICOM": [
      0.999818,
      -0.00594069,
      -0.0181421,
      0.00471157,
      0.997738,
      -0.0670567
    ],
    "Manufacturer": "Philips",
    "NumberOfVolumesDiscardedByScanner": 2,
    "ParallelAcquisitionTechnique": "SENSE",
    "ParallelReductionFactorInPlane": 2,
    "PatientPosition": "HFS",
    "PhaseEncodingDirection": "j",
    "PhilipsRescaleIntercept": 0,
    "PhilipsRescaleSlope": 0.84371,
    "PhilipsScaleSlope": 0.0546785,
    "ProtocolName": "WIPtask-rest_boldSENSE",
    "PulseSequenceType": "gradient echo EPI",
    "ReconMatrixPE": 80,
    "RepetitionTime": 2,
    "SeriesDescription": "ImageMRSERIES",
    "SeriesNumber": 4,
    "SliceEncodingDirection": "k",
    "SliceTiming": [
      0.0,
      0.0556,
      0.1111,
      0.1667,
      0.2222,
      0.2778,
      0.3333,
      0.3889,
      0.4444,
      0.5,
      0.5556,
      0.6111,
      0.6667,
      0.7222,
      0.7778,
      0.8333,
      0.8889,
      0.9444,
      1.0,
      1.0556,
      1.1111,
      1.1667,
      1.2222,
      1.2778,
      1.3333,
      1.3889,
      1.4444,
      1.5,
      1.5556,
      1.6111,
      1.6667,
      1.7222,
      1.7778,
      1.8333,
      1.8889,
      1.9444
    ],
    "TaskName": "restingstate",
    "TotalReadoutTime": 0.026945238983542674,
    "UsePhilipsFloatNotDisplayScaling": 1,
    "WaterFatShift": 12,
    "acq_id": "seq",
    "dataset": "ds002790",
    "modality": "bold",
    "subject_id": "0171",
    "task_id": "restingstate"
  },
  "dummy_trs": 0,
  "dvars_nstd": 17.559655113556484,
  "dvars_std": 1.2128725632635977,
  "dvars_vstd": 0.996849050794979,
  "efc": 0.40559430435713434,
  "fber": 242495.65625,
  "fd_mean": 0.11682960003406564,
  "fd_num": 18,
  "fd_perc": 7.5,
  "fwhm_avg": 2.0022093018961815,
  "fwhm_x": 1.9493600000000002,
  "fwhm_y": 2.19558,
  "fwhm_z": 1.8616879056885447,
  "gcor": 0.0445418,
  "gsr_x": -0.021510470658540726,
  "gsr_y": 0.012877152301371098,
  "provenance": {
    "md5sum": "e033a1d86e04513533ba1969d37ae4c4",
    "settings": {
      "fd_thres": 0.2,
      "testing": false
    },
    "software": "mriqc",
    "version": "22.0.0rc1",
    "webapi_port": null,
    "webapi_url": "https://mriqc.nimh.nih.gov/api/v1"
  },
  "size_t": 240,
  "size_x": 80,
  "size_y": 80,
  "size_z": 36,
  "snr": 5.551881920888335,
  "spacing_tr": 2.0,
  "spacing_x": 3.0,
  "spacing_y": 3.0,
  "spacing_z": 3.299999952316284,
  "summary_bg_k": 81.40772629509547,
  "summary_bg_mad": 52.92781726932827,
  "summary_bg_mean": 544.4912719726562,
  "summary_bg_median": 50.705810546875,
  "summary_bg_n": 159821.0,
  "summary_bg_p05": 3.786334276199341,
  "summary_bg_p95": 2689.94970703125,
  "summary_bg_stdv": 1672.75634765625,
  "summary_fg_k": 1.0468710806755483,
  "summary_fg_mad": 4253.988268229237,
  "summary_fg_mean": 25929.68359375,
  "summary_fg_median": 25456.048828125,
  "summary_fg_n": 31046.0,
  "summary_fg_p05": 19253.82177734375,
  "summary_fg_p95": 33808.123046875,
  "summary_fg_stdv": 4585.046875,
  "tsnr": 99.24851989746094
}