{
  "bids_meta": {
    "AcquisitionNumber": 2,
    "BidsifyVersion": "0.3.5",
    "ConversionSoftware": "dcm2niix",
    "ConversionSoftwareVersion": "v1.0.20181125  GCC6.3.0",
    "EchoTime": 0.00381,
    "ImageComments": "PIOP2",
    "ImageOrientationPatientDICOM": [
      0.998986,
      0.0364282,
      -0.0264613,
      -0.0399488,
      0.98822,
      -0.147733
    ],
    "Manufacturer": "Philips",
    "NumberSignalAcquisitions": 2,
    "PatientPosition": "HFS",
    "PhilipsRescaleIntercept": 0,
    "PhilipsRescaleSlope": 8.38095,
    "PhilipsScaleSlope": 0.00710789,
    "ProtocolName": "WIPT1anat_acq-6m_T1wSENSE",
    "ReconMatrixPE": 240,
    "RepetitionTime": 0.008286,
    "SeriesDescription": "ImageMRSERIES",
    "SeriesNumber": 2,
    "UsePhilipsFloatNotDisplayScaling": 1,
    "dataset": "ds002790",
    "modality": "T1w",
    "subject_id": "0147"
  },
  "cjv": 0.2848808689395356,
  "cnr": 4.356026232897,
  "efc": 0.763496713333496,
  "fber": 635.2672119140625,
  "fwhm_avg": 4.547163519405734,
  "fwhm_x": 4.27616,
  "fwhm_y": 4.622470275520699,
  "fwhm_z": 4.742860282696503,
  "icvs_csf": 0.24426197383482387,
  "icvs_gm": 0.4093732286851788,
  "icvs_wm": 0.3463647974799973,
  "inu_med": 0.5120461583137512,
  "inu_range": 0.17302661687135695,
  "provenance": {
    "md5sum": "f44e1e295cf35de75f4db3a589791785",
    "settings": {
      "testing": false
    },
    "software": "mriqc",
    "version": "22.0.0rc1",
    "warnings": {
      "large_rot_frame": true,
      "small_air_mask": true
    },
    "webapi_port": null,
    "webapi_url": "https://mriqc.nimh.nih.gov/api/v1"
  },
  "qi_1": 0.0,
  "qi_2": 8.788916277091874e-05,
  "rpve_csf": 25.365603515830124,
  "rpve_gm": 15.216155949485547,
  "rpve_wm": 22.61293662871664,
  "size_x": 240,
  "size_y": 240,
  "size_z": 220,
  "snr_csf": 2.9405644007316236,
  "snr_gm": 9.81204126053612,
  "snr_total": 12.90431229913215,
  "snr_wm": 25.9603312361287,
  "snrd_csf": 20.874782891529737,
  "snrd_gm": 40.51775597438946,
  "snrd_total": 40.92883138693201,
  "snrd_wm": 61.39395529487684,
  "spacing_x": 1.0,
  "spacing_y": 0.9999999403953552,
  "spacing_z": 0.9999999403953552,
  "summary_bg_k": 46.55169299938923,
  "summary_bg_mad": 10.67108989862022,
  "summary_bg_mean": 10.876653671264648,
  "summary_bg_median": 7.415377140045166,
  "summary_bg_n": 194293.0,
  "summary_bg_p05": 0.0,
  "summary_bg_p95": 28.815878295898436,
  "summary_bg_stdv": 9.273183822631836,
  "summary_csf_k": -0.7242915723721977,
  "summary_csf_mad": 124.1523487495428,
  "summary_csf_mean": 323.53363037109375,
  "summary_csf_median": 340.0157470703125,
  "summary_csf_n": 13414.0,
  "summary_csf_p05": 122.85293769836426,
  "summary_csf_p95": 488.45639038085926,
  "summary_csf_stdv": 115.62510681152344,
  "summary_gm_k": 0.17479269369453299,
  "summary_gm_mad": 65.23621694054968,
  "summary_gm_mean": 665.1575317382812,
  "summary_gm_median": 659.9673461914062,
  "summary_gm_n": 20131.0,
  "summary_gm_p05": 564.3912963867188,
  "summary_gm_p95": 783.3534545898438,
  "summary_gm_stdv": 67.25929260253906,
  "summary_wm_k": 1.6887016062229714,
  "summary_wm_mad": 31.634337106842,
  "summary_wm_mean": 997.9994506835938,
  "summary_wm_median": 1000.0061645507812,
  "summary_wm_n": 191804.0,
  "summary_wm_p05": 929.4848480224609,
  "summary_wm_p95": 1056.1033142089843,
  "summary_wm_stdv": 38.52044677734375,
  "tpm_overlap_csf": 0.17233356833457947,
  "tpm_overlap_gm": 0.45696014165878296,
  "tpm_overlap_wm": 0.5176747441291809,
  "wm2max": 0.5996332474914238
}