{
  "bids_meta": {
    "AcquisitionNumber": 2,
    "BidsifyVersion": "0.3.5",
    "ConversionSoftware": "dcm2niix",
    "ConversionSoftwareVersion": "v1.0.20181125  GCC6.3.0",
    "EchoTime": 0.00374,
    "ImageComments": "PIOP2",
    "ImageOrientationPatientDICOM": [
      0.999658,
      0.0230211,
      -0.0124167,
      -0.0237328,
      0.99788,
      -0.0605967
    ],
    "Manufacturer": "Philips",
    "NumberSignalAcquisitions": 2,
    "PatientPosition": "HFS",
    "PhilipsRescaleIntercept": 0,
    "PhilipsRescaleSlope": 8.66911,
    "PhilipsScaleSlope": 0.00755383,
    "ProtocolName": "WIPT1anat_acq-6m_T1wSENSE",
    "ReconMatrixPE": 240,
    "RepetitionTime": 0.008163,
    "SeriesDescription": "ImageMRSERIES",
    "SeriesNumber": 2,
    "UsePhilipsFloatNotDisplayScaling": 1,
    "dataset": "ds002790",
    "modality": "T1w",
    "subject_id": "0033"
  },
  "cjv": 0.27691654626684875,
  "cnr": 4.414117476379796,
  "efc": 0.7755141764581908,
  "fber": 1028.4412841796875,
  "fwhm_avg": 4.808400000000001,
  "fwhm_x": 4.3912,
  "fwhm_y": 5.00947,
  "fwhm_z": 5.02453,
  "icvs_csf": 0.26559703148659874,
  "icvs_gm": 0.39675686745681676,
  "icvs_wm": 0.3376461010565845,
  "inu_med": 0.8779453635215759,
  "inu_range": 0.3468519866466522,
  "provenance": {
    "md5sum": "ae8701eac20d58d5bbd0380c6807d9a6",
    "settings": {
      "testing": false
    },
    "software": "mriqc",
    "version": "22.0.0rc1",
    "warnings": {
      "large_rot_frame": true,
      "small_air_mask": true
    },
    "webapi_port": null,
    "webapi_url": "https://mriqc.nimh.nih.gov/api/v1"
  },
  "qi_1": 0.0,
  "qi_2": 0.00018273517007500375,
  "rpve_csf": 24.02104034295338,
  "rpve_gm": 15.61396874874915,
  "rpve_wm": 23.599848708404174,
  "size_x": 240,
  "size_y": 240,
  "size_z": 220,
  "snr_csf": 3.1213471622240823,
  "snr_gm": 8.693812749975775,
  "snr_total": 11.48199662283376,
  "snr_wm": 22.630829956301422,
  "snrd_csf": 19.75568829647379,
  "snrd_gm": 35.26112020897234,
  "snrd_total": 37.14819990565409,
  "snrd_wm": 56.42779121151614,
  "spacing_x": 1.0,
  "spacing_y": 1.0,
  "spacing_z": 1.0,
  "summary_bg_k": 256.31839159499884,
  "summary_bg_mad": 11.61014110417418,
  "summary_bg_mean": 12.767056465148926,
  "summary_bg_median": 8.282752990722656,
  "summary_bg_n": 115933.0,
  "summary_bg_p05": 0.0,
  "summary_bg_p95": 24.99728317260737,
  "summary_bg_stdv": 10.144503593444824,
  "summary_csf_k": 18.432521993751195,
  "summary_csf_mad": 108.80937491508688,
  "summary_csf_mean": 335.0762023925781,
  "summary_csf_median": 350.1047058105469,
  "summary_csf_n": 20220.0,
  "summary_csf_p05": 124.9922981262207,
  "summary_csf_p95": 483.59770355224606,
  "summary_csf_stdv": 112.1618423461914,
  "summary_gm_k": 0.42490067130981,
  "summary_gm_mad": 65.90919745196486,
  "summary_gm_mean": 630.5228271484375,
  "summary_gm_median": 624.8875732421875,
  "summary_gm_n": 21196.0,
  "summary_gm_p05": 522.3559417724609,
  "summary_gm_p95": 761.5972900390625,
  "summary_gm_stdv": 71.87557983398438,
  "summary_wm_k": 1.5679380880194644,
  "summary_wm_mad": 37.964896555219376,
  "summary_wm_mean": 996.2809448242188,
  "summary_wm_median": 999.997314453125,
  "summary_wm_n": 185491.0,
  "summary_wm_p05": 914.7087097167969,
  "summary_wm_p95": 1060.0755615234375,
  "summary_wm_stdv": 44.18727111816406,
  "tpm_overlap_csf": 0.16762733459472656,
  "tpm_overlap_gm": 0.4623472988605499,
  "tpm_overlap_wm": 0.5245929956436157,
  "wm2max": 0.6291743030743937
}