{
  "aor": 0.0025409166666666666,
  "aqi": 0.0030222229999999997,
  "bids_meta": {
    "AcquisitionNumber": 4,
    "BidsifyVersion": "0.3.5",
    "ConversionSoftware": "dcm2niix",
    "ConversionSoftwareVersion": "v1.0.20181125  GCC6.3.0",
    "EchoTime": 0.02763,
    "EffectiveEchoSpacing": 0.0006909035636805814,
    "FlipAngle": 76.1,
    "ImageComments": "PIOP2",
    "ImageOrientationPatientDICOM": [
      0.999561,
      -0.00986477,
      -0.0279434,
      0.00942092,
      0.999828,
      -0.0159714
    ],
    "Manufacturer": "Philips",
    "NumberOfVolumesDiscardedByScanner": 2,
    "ParallelAcquisitionTechnique": "SENSE",
    "ParallelReductionFactorInPlane": 2,
    "PatientPosition": "HFS",
    "PhaseEncodingDirection": "j",
    "PhilipsRescaleIntercept": 0,
    "PhilipsRescaleSlope": 0.76386,
    "PhilipsScaleSlope": 0.0517994,
    "ProtocolName": "WIPtask-rest_boldSENSE",
    "PulseSequenceType": "gradient echo EPI",
    "ReconMatrixPE": 80,
    "RepetitionTime": 2,
    "SeriesDescription": "ImageMRSERIES",
    "SeriesNumber": 4,
    "SliceEncodingDirection": "k",
    "SliceTiming": [
      0.0,
      0.0556,
      0.1111,
      0.1667,
      0.2222,
      0.2778,
      0.3333,
      0.3889,
      0.4444,
      0.5,
      0.5556,
      0.6111,
      0.6667,
      0.7222,
      0.7778,
      0.8333,
      0.8889,
      0.9444,
      1.0,
      1.0556,
      1.1111,
      1.1667,
      1.2222,
      1.2778,
      1.3333,
      1.3889,
      1.4444,
      1.5,
      1.5556,
      1.6111,
      1.6667,
      1.7222,
      1.7778,
      1.8333,
      1.8889,
      1.9444
    ],
    "TaskName": "restingstate",
    "TotalReadoutTime": 0.026945238983542674,
    "UsePhilipsFloatNotDisplayScaling": 1,
    "WaterFatShift": 12,
    "acq_id": "seq",
    "dataset": "ds002790",
    "modality": "bold",
    "subject_id": "0001",
    "task_id": "restingstate"
  },
  "dummy_trs": 0,
  "dvars_nstd": 17.528299283682006,
  "dvars_std": 1.202614926276151,
  "dvars_vstd": 1.0230684100836818,
  "efc": 0.4570415282056565,
  "fber": 171068.171875,
  "fd_mean": 0.15169983975583284,
  "fd_num": 44,
  "fd_perc": 18.333333333333332,
  "fwhm_avg": 1.9471695036015133,
  "fwhm_x": 1.9394600000000002,
  "fwhm_y": 2.1057333333333332,
  "fwhm_z": 1.7963151774712067,
  "gcor": 0.0242773,
  "gsr_x": -0.007071067113429308,
  "gsr_y": 0.015311826951801777,
  "provenance": {
    "md5sum": "88936255f7a67dc2d8c664d3e6dc2c12",
    "settings": {
      "fd_thres": 0.2,
      "testing": false
    },
    "software": "mriqc",
    "version": "22.0.0rc1",
    "webapi_port": null,
    "webapi_url": "https://mriqc.nimh.nih.gov/api/v1"
  },
  "size_t": 240,
  "size_x": 80,
  "size_y": 80,
  "size_z": 36,
  "snr": 5.710572165435264,
  "spacing_tr": 2.0,
  "spacing_x": 3.0,
  "spacing_y": 3.0,
  "spacing_z": 3.299999952316284,
  "summary_bg_k": 37.25294963259318,
  "summary_bg_mad": 74.06807378639922,
  "summary_bg_mean": 833.7197875976562,
  "summary_bg_median": 63.67506790161133,
  "summary_bg_n": 150347.0,
  "summary_bg_p05": 6.128523206710815,
  "summary_bg_p95": 4461.178662109373,
  "summary_bg_stdv": 2246.66796875,
  "summary_fg_k": 1.7254569496774321,
  "summary_fg_mad": 4350.470345022964,
  "summary_fg_mean": 27074.75,
  "summary_fg_median": 26604.39453125,
  "summary_fg_n": 38300.0,
  "summary_fg_p05": 20417.24140625,
  "summary_fg_p95": 34824.14707031249,
  "summary_fg_stdv": 4658.73583984375,
  "tsnr": 99.45750427246094
}