{
  "bids_meta": {
    "AcquisitionNumber": 2,
    "BidsifyVersion": "0.3.5",
    "ConversionSoftware": "dcm2niix",
    "ConversionSoftwareVersion": "v1.0.20181125  GCC6.3.0",
    "EchoTime": 0.00378,
    "ImageComments": "PIOP2",
    "ImageOrientationPatientDICOM": [
      0.996692,
      0.0695427,
      -0.0420684,
      -0.0667244,
      0.995649,
      0.065049
    ],
    "Manufacturer": "Philips",
    "NumberSignalAcquisitions": 2,
    "PatientPosition": "HFS",
    "PhilipsRescaleIntercept": 0,
    "PhilipsRescaleSlope": 8.68278,
    "PhilipsScaleSlope": 0.0067647,
    "ProtocolName": "WIPT1anat_acq-6m_T1wSENSE",
    "ReconMatrixPE": 240,
    "RepetitionTime": 0.00822,
    "SeriesDescription": "ImageMRSERIES",
    "SeriesNumber": 2,
    "UsePhilipsFloatNotDisplayScaling": 1,
    "dataset": "ds002790",
    "modality": "T1w",
    "subject_id": "0065"
  },
  "cjv": 0.28359197763523897,
  "cnr": 4.295052084521025,
  "efc": 0.763126478979805,
  "fber": 783.5529174804688,
  "fwhm_avg": 4.786410187883587,
  "fwhm_x": 4.514400269079225,
  "fwhm_y": 4.942090294571536,
  "fwhm_z": 4.90274,
  "icvs_csf": 0.26777220197678375,
  "icvs_gm": 0.38271438115876205,
  "icvs_wm": 0.3495134168644542,
  "inu_med": 1.447461724281311,
  "inu_range": 0.3317939043045044,
  "provenance": {
    "md5sum": "701440a7d79dcc17e51aed3572c11365",
    "settings": {
      "testing": false
    },
    "software": "mriqc",
    "version": "22.0.0rc1",
    "warnings": {
      "large_rot_frame": true,
      "small_air_mask": true
    },
    "webapi_port": null,
    "webapi_url": "https://mriqc.nimh.nih.gov/api/v1"
  },
  "qi_1": 0.0,
  "qi_2": 5.661385636537441e-05,
  "rpve_csf": 23.0281226033957,
  "rpve_gm": 15.180659528845418,
  "rpve_wm": 21.804985111452158,
  "size_x": 240,
  "size_y": 240,
  "size_z": 220,
  "snr_csf": 2.8985273545864083,
  "snr_gm": 9.060770881691509,
  "snr_total": 13.473687018666723,
  "snr_wm": 28.461762819722253,
  "snrd_csf": 24.863841506326597,
  "snrd_gm": 53.81046610613751,
  "snrd_total": 53.663725992480494,
  "snrd_wm": 82.31687036497738,
  "spacing_x": 0.9999999403953552,
  "spacing_y": 0.9999999403953552,
  "spacing_z": 1.0,
  "summary_bg_k": 44.44944102776159,
  "summary_bg_mad": 7.958705607680021,
  "summary_bg_mean": 10.110846519470215,
  "summary_bg_median": 10.813135147094727,
  "summary_bg_n": 192251.0,
  "summary_bg_p05": 0.0,
  "summary_bg_p95": 22.418746948242188,
  "summary_bg_stdv": 7.845303058624268,
  "summary_csf_k": -0.5523462999174931,
  "summary_csf_mad": 108.18885647863378,
  "summary_csf_mean": 287.7339172363281,
  "summary_csf_median": 302.0500793457031,
  "summary_csf_n": 20363.0,
  "summary_csf_p05": 105.03959045410156,
  "summary_csf_p95": 439.4799499511718,
  "summary_csf_stdv": 104.20555877685547,
  "summary_gm_k": 0.3986479666744276,
  "summary_gm_mad": 67.9174158195299,
  "summary_gm_mean": 660.7512817382812,
  "summary_gm_median": 653.698486328125,
  "summary_gm_n": 25270.0,
  "summary_gm_p05": 555.5266876220703,
  "summary_gm_p95": 790.0416534423828,
  "summary_gm_stdv": 72.14458465576172,
  "summary_wm_k": 1.647878704812153,
  "summary_wm_mad": 30.290638355463237,
  "summary_wm_mean": 998.6217651367188,
  "summary_wm_median": 999.9990234375,
  "summary_wm_n": 206825.0,
  "summary_wm_p05": 939.0696655273438,
  "summary_wm_p95": 1052.55068359375,
  "summary_wm_stdv": 35.13473892211914,
  "tpm_overlap_csf": 0.16298815608024597,
  "tpm_overlap_gm": 0.4317895770072937,
  "tpm_overlap_wm": 0.508940577507019,
  "wm2max": 0.8190741129262687
}