{
  "aor": 0.0028763333333333336,
  "aqi": 0.003754804125,
  "bids_meta": {
    "AcquisitionNumber": 4,
    "BidsifyVersion": "0.3.5",
    "ConversionSoftware": "dcm2niix",
    "ConversionSoftwareVersion": "v1.0.20181125  GCC6.3.0",
    "EchoTime": 0.02763,
    "EffectiveEchoSpacing": 0.0006909035636805814,
    "FlipAngle": 76.1,
    "ImageComments": "PIOP2",
    "ImageOrientationPatientDICOM": [
      0.999073,
      -0.0306194,
      -0.0302431,
      0.035063,
      0.986585,
      0.159435
    ],
    "Manufacturer": "Philips",
    "NumberOfVolumesDiscardedByScanner": 2,
    "ParallelAcquisitionTechnique": "SENSE",
    "ParallelReductionFactorInPlane": 2,
    "PatientPosition": "HFS",
    "PhaseEncodingDirection": "j",
    "PhilipsRescaleIntercept": 0,
    "PhilipsRescaleSlope": 0.77021,
    "PhilipsScaleSlope": 0.0430256,
    "ProtocolName": "WIPtask-rest_boldSENSE",
    "PulseSequenceType": "gradient echo EPI",
    "ReconMatrixPE": 80,
    "RepetitionTime": 2,
    "SeriesDescription": "ImageMRSERIES",
    "SeriesNumber": 4,
    "SliceEncodingDirection": "k",
    "SliceTiming": [
      0.0,
      0.0556,
      0.1111,
      0.1667,
      0.2222,
      0.2778,
      0.3333,
      0.3889,
      0.4444,
      0.5,
      0.5556,
      0.6111,
      0.6667,
      0.7222,
      0.7778,
      0.8333,
      0.8889,
      0.9444,
      1.0,
      1.0556,
      1.1111,
      1.1667,
      1.2222,
      1.2778,
      1.3333,
      1.3889,
      1.4444,
      1.5,
      1.5556,
      1.6111,
      1.6667,
      1.7222,
      1.7778,
      1.8333,
      1.8889,
      1.9444
    ],
    "TaskName": "restingstate",
    "TotalReadoutTime": 0.026945238983542674,
    "UsePhilipsFloatNotDisplayScaling": 1,
    "WaterFatShift": 12,
    "acq_id": "seq",
    "dataset": "ds002790",
    "modality": "bold",
    "subject_id": "0066",
    "task_id": "restingstate"
  },
  "dummy_trs": 0,
  "dvars_nstd": 17.55892694535563,
  "dvars_std": 1.2969697407949792,
  "dvars_vstd": 1.0001348818828457,
  "efc": 0.4538944278020155,
  "fber": 255463.71875,
  "fd_mean": 0.12898713652809599,
  "fd_num": 23,
  "fd_perc": 9.583333333333334,
  "fwhm_avg": 2.092423241905587,
  "fwhm_x": 2.031756666666667,
  "fwhm_y": 2.2560433333333334,
  "fwhm_z": 1.9894697257167602,
  "gcor": 0.0202879,
  "gsr_x": -0.017675546929240227,
  "gsr_y": 0.020721858367323875,
  "provenance": {
    "md5sum": "8d760cc1897c0222289e95a74b2dd576",
    "settings": {
      "fd_thres": 0.2,
      "testing": false
    },
    "software": "mriqc",
    "version": "22.0.0rc1",
    "webapi_port": null,
    "webapi_url": "https://mriqc.nimh.nih.gov/api/v1"
  },
  "size_t": 240,
  "size_x": 80,
  "size_y": 80,
  "size_z": 36,
  "snr": 5.120463774800903,
  "spacing_tr": 2.0,
  "spacing_x": 3.0,
  "spacing_y": 3.0,
  "spacing_z": 3.299999952316284,
  "summary_bg_k": 83.37515062783365,
  "summary_bg_mad": 67.0112389529665,
  "summary_bg_mean": 632.6578369140625,
  "summary_bg_median": 61.59544372558594,
  "summary_bg_n": 147900.0,
  "summary_bg_p05": 3.0311525464057927,
  "summary_bg_p95": 3082.921594238275,
  "summary_bg_stdv": 2012.2803955078125,
  "summary_fg_k": 1.738878825906438,
  "summary_fg_mad": 5641.443331079258,
  "summary_fg_mean": 32925.2734375,
  "summary_fg_median": 32005.109375,
  "summary_fg_n": 42044.0,
  "summary_fg_p05": 24753.716796875,
  "summary_fg_p95": 44038.15625,
  "summary_fg_stdv": 6250.357421875,
  "tsnr": 93.48066711425781
}