{
  "aor": 0.0025226066350710896,
  "aqi": 0.002179761469194313,
  "bids_meta": {
    "AcquisitionNumber": 7,
    "BidsifyVersion": "0.3.5",
    "ConversionSoftware": "dcm2niix",
    "ConversionSoftwareVersion": "v1.0.20181125  GCC6.3.0",
    "EchoTime": 0.02763,
    "EffectiveEchoSpacing": 0.0006909035636805814,
    "FlipAngle": 76.1,
    "ImageComments": "PIOP2",
    "ImageOrientationPatientDICOM": [
      0.999073,
      -0.0306194,
      -0.0302431,
      0.035063,
      0.986585,
      0.159435
    ],
    "Manufacturer": "Philips",
    "NumberOfVolumesDiscardedByScanner": 2,
    "ParallelAcquisitionTechnique": "SENSE",
    "ParallelReductionFactorInPlane": 2,
    "PatientPosition": "HFS",
    "PhaseEncodingDirection": "j",
    "PhilipsRescaleIntercept": 0,
    "PhilipsRescaleSlope": 0.7956,
    "PhilipsScaleSlope": 0.0447232,
    "ProtocolName": "WIPtask-stop_boldSENSE",
    "PulseSequenceType": "gradient echo EPI",
    "ReconMatrixPE": 80,
    "RepetitionTime": 2,
    "SeriesDescription": "ImageMRSERIES",
    "SeriesNumber": 7,
    "SliceEncodingDirection": "k",
    "SliceTiming": [
      0.0,
      0.0556,
      0.1111,
      0.1667,
      0.2222,
      0.2778,
      0.3333,
      0.3889,
      0.4444,
      0.5,
      0.5556,
      0.6111,
      0.6667,
      0.7222,
      0.7778,
      0.8333,
      0.8889,
      0.9444,
      1.0,
      1.0556,
      1.1111,
      1.1667,
      1.2222,
      1.2778,
      1.3333,
      1.3889,
      1.4444,
      1.5,
      1.5556,
      1.6111,
      1.6667,
      1.7222,
      1.7778,
      1.8333,
      1.8889,
      1.9444
    ],
    "TaskName": "stopsignal",
    "TotalReadoutTime": 0.026945238983542674,
    "UsePhilipsFloatNotDisplayScaling": 1,
    "WaterFatShift": 12,
    "acq_id": "seq",
    "dataset": "ds002790",
    "modality": "bold",
    "subject_id": "0066",
    "task_id": "stopsignal"
  },
  "dummy_trs": 0,
  "dvars_nstd": 17.194291255761915,
  "dvars_std": 1.326227066142857,
  "dvars_vstd": 1.0216418761428574,
  "efc": 0.4545007389386803,
  "fber": 255646.40625,
  "fd_mean": 0.10676854616878298,
  "fd_num": 8,
  "fd_perc": 3.7914691943127963,
  "fwhm_avg": 2.065695564997413,
  "fwhm_x": 2.01582,
  "fwhm_y": 2.2209666666666665,
  "fwhm_z": 1.9603000283255725,
  "gcor": 0.0222342,
  "gsr_x": -0.017455678433179855,
  "gsr_y": 0.019958313554525375,
  "provenance": {
    "md5sum": "c52d4afe7089e98ec61080e5b7f44b06",
    "settings": {
      "fd_thres": 0.2,
      "testing": false
    },
    "software": "mriqc",
    "version": "22.0.0rc1",
    "webapi_port": null,
    "webapi_url": "https://mriqc.nimh.nih.gov/api/v1"
  },
  "size_t": 211,
  "size_x": 80,
  "size_y": 80,
  "size_z": 36,
  "snr": 5.253095079219776,
  "spacing_tr": 2.0,
  "spacing_x": 3.0,
  "spacing_y": 3.0,
  "spacing_z": 3.299999952316284,
  "summary_bg_k": 77.08329971375316,
  "summary_bg_mad": 65.70002359179306,
  "summary_bg_mean": 620.3175659179688,
  "summary_bg_median": 59.67047882080078,
  "summary_bg_n": 147845.0,
  "summary_bg_p05": 2.355018997192384,
  "summary_bg_p95": 3014.0104492187397,
  "summary_bg_stdv": 1966.97265625,
  "summary_fg_k": 1.6253937476332307,
  "summary_fg_mad": 5289.455611019788,
  "summary_fg_mean": 31846.423828125,
  "summary_fg_median": 30998.8203125,
  "summary_fg_n": 42140.0,
  "summary_fg_p05": 24076.932421875,
  "summary_fg_p95": 42467.71152343749,
  "summary_fg_stdv": 5900.98828125,
  "tsnr": 121.41216278076172
}