{
  "aor": 0.010701777777777775,
  "aqi": 0.004963044814814815,
  "bids_meta": {
    "AcquisitionNumber": 8,
    "BidsifyVersion": "0.3.5",
    "ConversionSoftware": "dcm2niix",
    "ConversionSoftwareVersion": "v1.0.20181125  GCC6.3.0",
    "EchoTime": 0.02763,
    "EffectiveEchoSpacing": 0.0006909035636805814,
    "FlipAngle": 76.1,
    "ImageComments": "PIOP2",
    "ImageOrientationPatientDICOM": [
      0.999601,
      -0.0138788,
      -0.0246089,
      0.012911,
      0.999154,
      -0.0390577
    ],
    "Manufacturer": "Philips",
    "NumberOfVolumesDiscardedByScanner": 2,
    "ParallelAcquisitionTechnique": "SENSE",
    "ParallelReductionFactorInPlane": 2,
    "PatientPosition": "HFS",
    "PhaseEncodingDirection": "j",
    "PhilipsRescaleIntercept": 0,
    "PhilipsRescaleSlope": 0.78877,
    "PhilipsScaleSlope": 0.0557822,
    "ProtocolName": "WIPtask-harriri_boldSENSE",
    "PulseSequenceType": "gradient echo EPI",
    "ReconMatrixPE": 80,
    "RepetitionTime": 2,
    "SeriesDescription": "ImageMRSERIES",
    "SeriesNumber": 8,
    "SliceEncodingDirection": "k",
    "SliceTiming": [
      0.0,
      0.0556,
      0.1111,
      0.1667,
      0.2222,
      0.2778,
      0.3333,
      0.3889,
      0.4444,
      0.5,
      0.5556,
      0.6111,
      0.6667,
      0.7222,
      0.7778,
      0.8333,
      0.8889,
      0.9444,
      1.0,
      1.0556,
      1.1111,
      1.1667,
      1.2222,
      1.2778,
      1.3333,
      1.3889,
      1.4444,
      1.5,
      1.5556,
      1.6111,
      1.6667,
      1.7222,
      1.7778,
      1.8333,
      1.8889,
      1.9444
    ],
    "TaskName": "emomatching",
    "TotalReadoutTime": 0.026945238983542674,
    "UsePhilipsFloatNotDisplayScaling": 1,
    "WaterFatShift": 12,
    "acq_id": "seq",
    "dataset": "ds002790",
    "modality": "bold",
    "subject_id": "0078",
    "task_id": "emomatching"
  },
  "dummy_trs": 0,
  "dvars_nstd": 21.50390385895522,
  "dvars_std": 1.415336155820896,
  "dvars_vstd": 1.0706222650746267,
  "efc": 0.44456418133832026,
  "fber": 207094.265625,
  "fd_mean": 0.11844393945093235,
  "fd_num": 9,
  "fd_perc": 6.666666666666667,
  "fwhm_avg": 2.0154868777986037,
  "fwhm_x": 1.9026466666666666,
  "fwhm_y": 2.2520533333333335,
  "fwhm_z": 1.8917606333958112,
  "gcor": 0.0501411,
  "gsr_x": -0.015172447077929974,
  "gsr_y": 0.02293234132230282,
  "provenance": {
    "md5sum": "7da7f077ee8efc4c1fff5ccac7f5997e",
    "settings": {
      "fd_thres": 0.2,
      "testing": false
    },
    "software": "mriqc",
    "version": "22.0.0rc1",
    "webapi_port": null,
    "webapi_url": "https://mriqc.nimh.nih.gov/api/v1"
  },
  "size_t": 135,
  "size_x": 80,
  "size_y": 80,
  "size_z": 36,
  "snr": 5.881107520376696,
  "spacing_tr": 2.0,
  "spacing_x": 3.0,
  "spacing_y": 3.0,
  "spacing_z": 3.299999952316284,
  "summary_bg_k": 65.62371916732859,
  "summary_bg_mad": 62.67770881894662,
  "summary_bg_mean": 591.0546264648438,
  "summary_bg_median": 56.458473205566406,
  "summary_bg_n": 151164.0,
  "summary_bg_p05": 5.315216994285584,
  "summary_bg_p95": 2986.3448974609382,
  "summary_bg_stdv": 1649.751708984375,
  "summary_fg_k": 1.5260746512697727,
  "summary_fg_mad": 4130.344455479294,
  "summary_fg_mean": 26545.0234375,
  "summary_fg_median": 26189.3828125,
  "summary_fg_n": 38183.0,
  "summary_fg_p05": 20024.581640625,
  "summary_fg_p95": 33948.26718750001,
  "summary_fg_stdv": 4453.07958984375,
  "tsnr": 84.40467834472656
}