{
  "aor": 0.000984625,
  "aqi": 0.008305169416666666,
  "bids_meta": {
    "AcquisitionNumber": 4,
    "BidsifyVersion": "0.3.5",
    "ConversionSoftware": "dcm2niix",
    "ConversionSoftwareVersion": "v1.0.20181125  GCC6.3.0",
    "EchoTime": 0.02763,
    "EffectiveEchoSpacing": 0.0006909035636805814,
    "FlipAngle": 76.1,
    "ImageComments": "PIOP2",
    "ImageOrientationPatientDICOM": [
      0.996357,
      0.0845442,
      0.0111496,
      -0.0812152,
      0.98063,
      -0.178236
    ],
    "Manufacturer": "Philips",
    "NumberOfVolumesDiscardedByScanner": 2,
    "ParallelAcquisitionTechnique": "SENSE",
    "ParallelReductionFactorInPlane": 2,
    "PatientPosition": "HFS",
    "PhaseEncodingDirection": "j",
    "PhilipsRescaleIntercept": 0,
    "PhilipsRescaleSlope": 0.842,
    "PhilipsScaleSlope": 0.0621066,
    "ProtocolName": "WIPtask-rest_boldSENSE",
    "PulseSequenceType": "gradient echo EPI",
    "ReconMatrixPE": 80,
    "RepetitionTime": 2,
    "SeriesDescription": "ImageMRSERIES",
    "SeriesNumber": 4,
    "SliceEncodingDirection": "k",
    "SliceTiming": [
      0.0,
      0.0556,
      0.1111,
      0.1667,
      0.2222,
      0.2778,
      0.3333,
      0.3889,
      0.4444,
      0.5,
      0.5556,
      0.6111,
      0.6667,
      0.7222,
      0.7778,
      0.8333,
      0.8889,
      0.9444,
      1.0,
      1.0556,
      1.1111,
      1.1667,
      1.2222,
      1.2778,
      1.3333,
      1.3889,
      1.4444,
      1.5,
      1.5556,
      1.6111,
      1.6667,
      1.7222,
      1.7778,
      1.8333,
      1.8889,
      1.9444
    ],
    "TaskName": "restingstate",
    "TotalReadoutTime": 0.026945238983542674,
    "UsePhilipsFloatNotDisplayScaling": 1,
    "WaterFatShift": 12,
    "acq_id": "seq",
    "dataset": "ds002790",
    "modality": "bold",
    "subject_id": "0108",
    "task_id": "restingstate"
  },
  "dummy_trs": 0,
  "dvars_nstd": 23.652433319456065,
  "dvars_std": 1.2920663523430957,
  "dvars_vstd": 0.9629580947698744,
  "efc": 0.44450436995368564,
  "fber": 177435.296875,
  "fd_mean": 0.18718958542076322,
  "fd_num": 97,
  "fd_perc": 40.416666666666664,
  "fwhm_avg": 2.022497786941561,
  "fwhm_x": 1.9521766666666667,
  "fwhm_y": 2.21275,
  "fwhm_z": 1.902566694158015,
  "gcor": 0.0387594,
  "gsr_x": -0.015546812675893307,
  "gsr_y": 0.010118336416780949,
  "provenance": {
    "md5sum": "6f5211405aa74e237a637c054d99cb74",
    "settings": {
      "fd_thres": 0.2,
      "testing": false
    },
    "software": "mriqc",
    "version": "22.0.0rc1",
    "webapi_port": null,
    "webapi_url": "https://mriqc.nimh.nih.gov/api/v1"
  },
  "size_t": 240,
  "size_x": 80,
  "size_y": 80,
  "size_z": 36,
  "snr": 7.255486001883239,
  "spacing_tr": 2.0,
  "spacing_x": 3.0,
  "spacing_y": 3.0,
  "spacing_z": 3.299999952316284,
  "summary_bg_k": 40.58390663485477,
  "summary_bg_mad": 66.0876956182131,
  "summary_bg_mean": 735.6116333007812,
  "summary_bg_median": 60.157249450683594,
  "summary_bg_n": 153790.0,
  "summary_bg_p05": 7.991248822212219,
  "summary_bg_p95": 3833.0111816406247,
  "summary_bg_stdv": 2002.85009765625,
  "summary_fg_k": 1.6304386260722783,
  "summary_fg_mad": 3388.142781207049,
  "summary_fg_mean": 25878.1171875,
  "summary_fg_median": 25744.697265625,
  "summary_fg_n": 36051.0,
  "summary_fg_p05": 20348.90234375,
  "summary_fg_p95": 31573.2333984375,
  "summary_fg_stdv": 3548.258544921875,
  "tsnr": 76.33563232421875
}