{
  "aor": 0.0021983703703703705,
  "aqi": 0.008669341333333334,
  "bids_meta": {
    "AcquisitionNumber": 8,
    "BidsifyVersion": "0.3.5",
    "ConversionSoftware": "dcm2niix",
    "ConversionSoftwareVersion": "v1.0.20181125  GCC6.3.0",
    "EchoTime": 0.02763,
    "EffectiveEchoSpacing": 0.0006909035636805814,
    "FlipAngle": 76.1,
    "ImageComments": "PIOP2",
    "ImageOrientationPatientDICOM": [
      0.996357,
      0.0845442,
      0.0111496,
      -0.0812152,
      0.98063,
      -0.178236
    ],
    "Manufacturer": "Philips",
    "NumberOfVolumesDiscardedByScanner": 2,
    "ParallelAcquisitionTechnique": "SENSE",
    "ParallelReductionFactorInPlane": 2,
    "PatientPosition": "HFS",
    "PhaseEncodingDirection": "j",
    "PhilipsRescaleIntercept": 0,
    "PhilipsRescaleSlope": 0.95678,
    "PhilipsScaleSlope": 0.0558046,
    "ProtocolName": "WIPtask-harriri_boldSENSE",
    "PulseSequenceType": "gradient echo EPI",
    "ReconMatrixPE": 80,
    "RepetitionTime": 2,
    "SeriesDescription": "ImageMRSERIES",
    "SeriesNumber": 8,
    "SliceEncodingDirection": "k",
    "SliceTiming": [
      0.0,
      0.0556,
      0.1111,
      0.1667,
      0.2222,
      0.2778,
      0.3333,
      0.3889,
      0.4444,
      0.5,
      0.5556,
      0.6111,
      0.6667,
      0.7222,
      0.7778,
      0.8333,
      0.8889,
      0.9444,
      1.0,
      1.0556,
      1.1111,
      1.1667,
      1.2222,
      1.2778,
      1.3333,
      1.3889,
      1.4444,
      1.5,
      1.5556,
      1.6111,
      1.6667,
      1.7222,
      1.7778,
      1.8333,
      1.8889,
      1.9444
    ],
    "TaskName": "emomatching",
    "TotalReadoutTime": 0.026945238983542674,
    "UsePhilipsFloatNotDisplayScaling": 1,
    "WaterFatShift": 12,
    "acq_id": "seq",
    "dataset": "ds002790",
    "modality": "bold",
    "subject_id": "0108",
    "task_id": "emomatching"
  },
  "dummy_trs": 0,
  "dvars_nstd": 24.497280519776115,
  "dvars_std": 1.2619515183582086,
  "dvars_vstd": 0.9923052412686566,
  "efc": 0.4448407883960487,
  "fber": 178954.359375,
  "fd_mean": 0.21142756734706838,
  "fd_num": 72,
  "fd_perc": 53.333333333333336,
  "fwhm_avg": 1.9667598068454664,
  "fwhm_x": 1.90955,
  "fwhm_y": 2.1500566666666665,
  "fwhm_z": 1.8406727538697325,
  "gcor": 0.0290825,
  "gsr_x": -0.015487086959183216,
  "gsr_y": 0.010139093734323978,
  "provenance": {
    "md5sum": "a5b06c66e27286e174d39b3f56247501",
    "settings": {
      "fd_thres": 0.2,
      "testing": false
    },
    "software": "mriqc",
    "version": "22.0.0rc1",
    "webapi_port": null,
    "webapi_url": "https://mriqc.nimh.nih.gov/api/v1"
  },
  "size_t": 135,
  "size_x": 80,
  "size_y": 80,
  "size_z": 36,
  "snr": 7.381925334614968,
  "spacing_tr": 2.0,
  "spacing_x": 3.0,
  "spacing_y": 3.0,
  "spacing_z": 3.299999952316284,
  "summary_bg_k": 38.70232247819518,
  "summary_bg_mad": 66.81318557089885,
  "summary_bg_mean": 752.0401000976562,
  "summary_bg_median": 59.274967193603516,
  "summary_bg_n": 154108.0,
  "summary_bg_p05": 6.752802109718323,
  "summary_bg_p95": 3972.5402587890617,
  "summary_bg_stdv": 2039.288818359375,
  "summary_fg_k": 1.6113719841361682,
  "summary_fg_mad": 3296.6818611455265,
  "summary_fg_mean": 25493.140625,
  "summary_fg_median": 25371.26171875,
  "summary_fg_n": 35846.0,
  "summary_fg_p05": 20164.78125,
  "summary_fg_p95": 30984.49560546875,
  "summary_fg_stdv": 3436.895751953125,
  "tsnr": 75.0150375366211
}