{
  "bids_meta": {
    "AcquisitionNumber": 2,
    "BidsifyVersion": "0.3.5",
    "ConversionSoftware": "dcm2niix",
    "ConversionSoftwareVersion": "v1.0.20181125  GCC6.3.0",
    "EchoTime": 0.00375,
    "ImageComments": "PIOP2",
    "ImageOrientationPatientDICOM": [
      0.997636,
      0.0686428,
      -0.00325042,
      -0.0687118,
      0.997124,
      -0.0319607
    ],
    "Manufacturer": "Philips",
    "PatientPosition": "HFS",
    "PhilipsRescaleIntercept": 0,
    "PhilipsRescaleSlope": 8.00366,
    "PhilipsScaleSlope": 0.00714859,
    "ProtocolName": "WIPT1anat_acq-6m_T1wSENSE",
    "ReconMatrixPE": 240,
    "RepetitionTime": 0.008158,
    "SeriesDescription": "ImageMRSERIES",
    "SeriesNumber": 2,
    "UsePhilipsFloatNotDisplayScaling": 1,
    "dataset": "ds002790",
    "modality": "T1w",
    "subject_id": "0223"
  },
  "cjv": 0.2318939963937648,
  "cnr": 5.574093518823167,
  "efc": 0.7255095857079724,
  "fber": 8099.234060660932,
  "fwhm_avg": 5.036130300176758,
  "fwhm_x": 4.793010285685675,
  "fwhm_y": 4.9065202924513995,
  "fwhm_z": 5.408860322393198,
  "icvs_csf": 0.2700343155010773,
  "icvs_gm": 0.40965856178810905,
  "icvs_wm": 0.3203071227108136,
  "inu_med": 0.5241041779518127,
  "inu_range": 0.14449952542781824,
  "provenance": {
    "md5sum": "a8c5f88657d960c616e83139ec3163c7",
    "settings": {
      "testing": false
    },
    "software": "mriqc",
    "version": "23.0.1",
    "warnings": {
      "large_rot_frame": true,
      "small_air_mask": true
    },
    "webapi_port": null,
    "webapi_url": "https://mriqc.nimh.nih.gov/api/v1"
  },
  "qi_1": 0.0,
  "qi_2": 5.318337738887348e-05,
  "rpve_csf": 22.240964154195236,
  "rpve_gm": 14.296253517192747,
  "rpve_wm": 23.02373363677709,
  "size_x": 240,
  "size_y": 240,
  "size_z": 220,
  "snr_csf": 1.5475824700274285,
  "snr_gm": 9.049332711136627,
  "snr_total": 14.126845218031164,
  "snr_wm": 31.78362047292944,
  "snrd_csf": 14.529263323605129,
  "snrd_gm": 62.22252532946869,
  "snrd_total": 60.5477989748453,
  "snrd_wm": 104.89160827146209,
  "spacing_x": 0.9999999403953552,
  "spacing_y": 0.9999999403953552,
  "spacing_z": 0.9999999403953552,
  "summary_bg_k": 296.26326699359566,
  "summary_bg_mad": 0.0,
  "summary_bg_mean": 2.373587423455956,
  "summary_bg_median": 0.0,
  "summary_bg_n": 142055.0,
  "summary_bg_p05": 0.0,
  "summary_bg_p95": 12.927403967827559,
  "summary_bg_stdv": 6.245841666797894,
  "summary_csf_k": 0.547378313343263,
  "summary_csf_mad": 79.53659934862324,
  "summary_csf_mean": 160.08024644167264,
  "summary_csf_median": 138.51692297123373,
  "summary_csf_n": 48961.0,
  "summary_csf_p05": 44.9511522334069,
  "summary_csf_p95": 330.7015213724226,
  "summary_csf_stdv": 89.50444391999923,
  "summary_gm_k": 3.630254471127315,
  "summary_gm_mad": 64.99026681469137,
  "summary_gm_mean": 593.201115506653,
  "summary_gm_median": 593.2078286539763,
  "summary_gm_n": 36864.0,
  "summary_gm_p05": 488.65165910311043,
  "summary_gm_p95": 695.381692408491,
  "summary_gm_stdv": 65.55177068175112,
  "summary_wm_k": 0.591346187643754,
  "summary_wm_mad": 29.342387514798215,
  "summary_wm_mean": 999.7270368549724,
  "summary_wm_median": 999.9999655634165,
  "summary_wm_n": 179514.0,
  "summary_wm_p05": 947.4902823455632,
  "summary_wm_p95": 1051.0779493190348,
  "summary_wm_stdv": 31.4626579786045,
  "tpm_overlap_csf": 0.1587396410736279,
  "tpm_overlap_gm": 0.48195162787057655,
  "tpm_overlap_wm": 0.5099285472463094,
  "wm2max": 0.8056860782683924
}