{
  "bids_meta": {
    "AcquisitionNumber": 2,
    "BidsifyVersion": "0.3.5",
    "ConversionSoftware": "dcm2niix",
    "ConversionSoftwareVersion": "v1.0.20181125  GCC6.3.0",
    "EchoTime": 0.00374,
    "ImageComments": "PIOP2",
    "ImageOrientationPatientDICOM": [
      0.999566,
      0.0151643,
      -0.0252748,
      -0.0162259,
      0.998971,
      -0.0423429
    ],
    "Manufacturer": "Philips",
    "PatientPosition": "HFS",
    "PhilipsRescaleIntercept": 0,
    "PhilipsRescaleSlope": 8.04908,
    "PhilipsScaleSlope": 0.00715014,
    "ProtocolName": "WIPT1anat_acq-6m_T1wSENSE",
    "ReconMatrixPE": 240,
    "RepetitionTime": 0.008168,
    "SeriesDescription": "ImageMRSERIES",
    "SeriesNumber": 2,
    "UsePhilipsFloatNotDisplayScaling": 1,
    "dataset": "ds002790",
    "modality": "T1w",
    "subject_id": "0210"
  },
  "cjv": 0.23622070036897128,
  "cnr": 5.661267235470438,
  "efc": 0.7398000153645716,
  "fber": -1.0,
  "fwhm_avg": 5.127963443917639,
  "fwhm_x": 4.83093,
  "fwhm_y": 4.98707,
  "fwhm_z": 5.565890331752915,
  "icvs_csf": 0.25697755542157663,
  "icvs_gm": 0.4306406256752573,
  "icvs_wm": 0.3123818189031661,
  "inu_med": 0.6006613969802856,
  "inu_range": 0.19100682139396663,
  "provenance": {
    "md5sum": "2c517b31c36279f40a30fd2e25c52143",
    "settings": {
      "testing": false
    },
    "software": "mriqc",
    "version": "23.0.1",
    "warnings": {
      "large_rot_frame": true,
      "small_air_mask": true
    },
    "webapi_port": null,
    "webapi_url": "https://mriqc.nimh.nih.gov/api/v1"
  },
  "qi_1": 0.0,
  "qi_2": 4.9774232590331904e-05,
  "rpve_csf": 23.964370075362563,
  "rpve_gm": 14.513617312760498,
  "rpve_wm": 23.85152102947438,
  "size_x": 240,
  "size_y": 240,
  "size_z": 220,
  "snr_csf": 1.51484528148725,
  "snr_gm": 9.159480068500269,
  "snr_total": 12.670773198113174,
  "snr_wm": 27.337994244352004,
  "snrd_csf": 14.283936239966893,
  "snrd_gm": 65.97993023367741,
  "snrd_total": 64.47442538576315,
  "snrd_wm": 113.1594096836452,
  "spacing_x": 1.0,
  "spacing_y": 1.0,
  "spacing_z": 0.9999999403953552,
  "summary_bg_k": 47.79625167255649,
  "summary_bg_mad": 0.0,
  "summary_bg_mean": 2.062555124312305,
  "summary_bg_median": 0.0,
  "summary_bg_n": 121334.0,
  "summary_bg_p05": 0.0,
  "summary_bg_p95": 11.055998403578997,
  "summary_bg_stdv": 5.789499919932448,
  "summary_csf_k": 0.8879275025643851,
  "summary_csf_mad": 79.48402782191958,
  "summary_csf_mean": 142.10673619880552,
  "summary_csf_median": 126.22844298928976,
  "summary_csf_n": 42551.0,
  "summary_csf_p05": 35.346745420247316,
  "summary_csf_p95": 301.849616792053,
  "summary_csf_stdv": 83.3266349128767,
  "summary_gm_k": 0.1203305670529895,
  "summary_gm_mad": 65.15422254663187,
  "summary_gm_mean": 583.7593355510521,
  "summary_gm_median": 583.0706411749125,
  "summary_gm_n": 36760.0,
  "summary_gm_p05": 481.80395391043277,
  "summary_gm_p95": 686.8625926449895,
  "summary_gm_stdv": 63.65674754294042,
  "summary_wm_k": 0.8735574919985765,
  "summary_wm_mad": 33.333120184722006,
  "summary_wm_mean": 998.542428481239,
  "summary_wm_median": 999.9999897778034,
  "summary_wm_n": 169298.0,
  "summary_wm_p05": 935.1242255605757,
  "summary_wm_p95": 1055.1872690208256,
  "summary_wm_stdv": 36.57901993332632,
  "tpm_overlap_csf": 0.16267050990889406,
  "tpm_overlap_gm": 0.49705762904517836,
  "tpm_overlap_wm": 0.5230991782176229,
  "wm2max": 0.7123350940913655
}