{
  "aor": 0.0028671111111111106,
  "aqi": 0.003470575703703704,
  "bids_meta": {
    "AcquisitionNumber": 8,
    "BidsifyVersion": "0.3.5",
    "ConversionSoftware": "dcm2niix",
    "ConversionSoftwareVersion": "v1.0.20181125  GCC6.3.0",
    "EchoTime": 0.02763,
    "FlipAngle": 76.1,
    "ImageComments": "PIOP2",
    "ImageOrientationPatientDICOM": [
      0.999304,
      0.0366398,
      -0.00696299,
      -0.0359443,
      0.995964,
      0.0822419
    ],
    "Manufacturer": "Philips",
    "NumberOfVolumesDiscardedByScanner": 2,
    "ParallelAcquisitionTechnique": "SENSE",
    "ParallelReductionFactorInPlane": 2,
    "PatientPosition": "HFS",
    "PhaseEncodingDirection": "j",
    "PhilipsRescaleIntercept": 0,
    "PhilipsRescaleSlope": 0.7685,
    "PhilipsScaleSlope": 0.0608554,
    "ProtocolName": "WIPtask-harriri_boldSENSE",
    "PulseSequenceType": "gradient echo EPI",
    "ReconMatrixPE": 80,
    "RepetitionTime": 2,
    "SeriesDescription": "ImageMRSERIES",
    "SeriesNumber": 8,
    "SliceEncodingDirection": "k",
    "TaskName": "emomatching",
    "UsePhilipsFloatNotDisplayScaling": 1,
    "WaterFatShift": 12,
    "acq_id": "seq",
    "dataset": "ds002790",
    "modality": "bold",
    "subject_id": "0219",
    "task_id": "emomatching"
  },
  "dummy_trs": 0,
  "dvars_nstd": 18.484968939999998,
  "dvars_std": 1.3108966856716409,
  "dvars_vstd": 1.0247092465671637,
  "efc": 0.405051223575438,
  "fber": 242579.984375,
  "fd_mean": 0.0934479527785588,
  "fd_num": 3,
  "fd_perc": 2.2222222222222223,
  "fwhm_avg": 1.9938037466064984,
  "fwhm_x": 1.8655333333333333,
  "fwhm_y": 2.19899,
  "fwhm_z": 1.916887906486163,
  "gcor": 0.0336688,
  "gsr_x": -0.019312532618641853,
  "gsr_y": 0.01690199226140976,
  "provenance": {
    "md5sum": "63dad7fc97e4006fb1581b57dfaeb1b1",
    "settings": {
      "fd_thres": 0.2,
      "testing": false
    },
    "software": "mriqc",
    "version": "23.0.1",
    "webapi_port": null,
    "webapi_url": "https://mriqc.nimh.nih.gov/api/v1"
  },
  "size_t": 135,
  "size_x": 80,
  "size_y": 80,
  "size_z": 36,
  "snr": 6.062720304629871,
  "spacing_tr": 2.0,
  "spacing_x": 3.0,
  "spacing_y": 3.0,
  "spacing_z": 3.299999952316284,
  "summary_bg_k": 121.16968982218513,
  "summary_bg_mad": 46.54109976000481,
  "summary_bg_mean": 371.3429870605469,
  "summary_bg_median": 47.07727813720703,
  "summary_bg_n": 158305.0,
  "summary_bg_p05": 4.537585830688477,
  "summary_bg_p95": 1532.539135742187,
  "summary_bg_stdv": 1190.0614013671875,
  "summary_fg_k": 1.8274146948119894,
  "summary_fg_mad": 3655.396309629974,
  "summary_fg_mean": 24018.0859375,
  "summary_fg_median": 23650.478515625,
  "summary_fg_n": 33241.0,
  "summary_fg_p05": 18543.55859375,
  "summary_fg_p95": 30557.646484375,
  "summary_fg_stdv": 3900.909423828125,
  "tsnr": 104.70289611816406
}