{
  "aor": 0.0030149166666666666,
  "aqi": 0.004683148791666666,
  "bids_meta": {
    "AcquisitionNumber": 4,
    "BidsifyVersion": "0.3.5",
    "ConversionSoftware": "dcm2niix",
    "ConversionSoftwareVersion": "v1.0.20181125  GCC6.3.0",
    "EchoTime": 0.02763,
    "EffectiveEchoSpacing": 0.0006909035636805814,
    "FlipAngle": 76.1,
    "ImageComments": "PIOP2",
    "ImageOrientationPatientDICOM": [
      0.999902,
      -0.00240264,
      -0.0138246,
      -0.00139613,
      0.963308,
      -0.268396
    ],
    "Manufacturer": "Philips",
    "NumberOfVolumesDiscardedByScanner": 2,
    "ParallelAcquisitionTechnique": "SENSE",
    "ParallelReductionFactorInPlane": 2,
    "PatientPosition": "HFS",
    "PhaseEncodingDirection": "j",
    "PhilipsRescaleIntercept": 0,
    "PhilipsRescaleSlope": 0.77827,
    "PhilipsScaleSlope": 0.0595251,
    "ProtocolName": "WIPtask-rest_boldSENSE",
    "PulseSequenceType": "gradient echo EPI",
    "ReconMatrixPE": 80,
    "RepetitionTime": 2,
    "SeriesDescription": "ImageMRSERIES",
    "SeriesNumber": 4,
    "SliceEncodingDirection": "k",
    "SliceTiming": [
      0.0,
      0.0556,
      0.1111,
      0.1667,
      0.2222,
      0.2778,
      0.3333,
      0.3889,
      0.4444,
      0.5,
      0.5556,
      0.6111,
      0.6667,
      0.7222,
      0.7778,
      0.8333,
      0.8889,
      0.9444,
      1.0,
      1.0556,
      1.1111,
      1.1667,
      1.2222,
      1.2778,
      1.3333,
      1.3889,
      1.4444,
      1.5,
      1.5556,
      1.6111,
      1.6667,
      1.7222,
      1.7778,
      1.8333,
      1.8889,
      1.9444
    ],
    "TaskName": "restingstate",
    "TotalReadoutTime": 0.026945238983542674,
    "UsePhilipsFloatNotDisplayScaling": 1,
    "WaterFatShift": 12,
    "acq_id": "seq",
    "dataset": "ds002790",
    "modality": "bold",
    "subject_id": "0126",
    "task_id": "restingstate"
  },
  "dummy_trs": 0,
  "dvars_nstd": 20.553563816443503,
  "dvars_std": 1.2264368571548114,
  "dvars_vstd": 1.0230569156485356,
  "efc": 0.4225474541231358,
  "fber": 209157.703125,
  "fd_mean": 0.15639335138748753,
  "fd_num": 48,
  "fd_perc": 20.0,
  "fwhm_avg": 1.9263747560813735,
  "fwhm_x": 1.9489833333333333,
  "fwhm_y": 2.04325,
  "fwhm_z": 1.7868909349107878,
  "gcor": 0.0843453,
  "gsr_x": -0.008011418394744396,
  "gsr_y": 0.010339939966797829,
  "provenance": {
    "md5sum": "bf01cdbfb1eba4002ba067082c0056ce",
    "settings": {
      "fd_thres": 0.2,
      "testing": false
    },
    "software": "mriqc",
    "version": "22.0.0rc1",
    "webapi_port": null,
    "webapi_url": "https://mriqc.nimh.nih.gov/api/v1"
  },
  "size_t": 240,
  "size_x": 80,
  "size_y": 80,
  "size_z": 36,
  "snr": 5.7771498895641225,
  "spacing_tr": 2.0,
  "spacing_x": 3.0,
  "spacing_y": 3.0,
  "spacing_z": 3.299999952316284,
  "summary_bg_k": 55.54009075941295,
  "summary_bg_mad": 52.05666389963443,
  "summary_bg_mean": 565.9570922851562,
  "summary_bg_median": 49.01708221435547,
  "summary_bg_n": 156576.0,
  "summary_bg_p05": 5.174872279167175,
  "summary_bg_p95": 3001.4332885742188,
  "summary_bg_stdv": 1577.8385009765625,
  "summary_fg_k": 2.1139553293237157,
  "summary_fg_mad": 3721.545850800954,
  "summary_fg_mean": 23365.3828125,
  "summary_fg_median": 23021.4296875,
  "summary_fg_n": 32835.0,
  "summary_fg_p05": 17774.61796875,
  "summary_fg_p95": 30044.3490234375,
  "summary_fg_stdv": 3984.8505859375,
  "tsnr": 77.7344970703125
}