{
  "aor": 0.0024122500000000003,
  "aqi": 0.003482802375,
  "bids_meta": {
    "AcquisitionNumber": 3,
    "BidsifyVersion": "0.3.5",
    "ConversionSoftware": "dcm2niix",
    "ConversionSoftwareVersion": "v1.0.20181125  GCC6.3.0",
    "EchoTime": 0.02763,
    "EffectiveEchoSpacing": 0.0006909035636805814,
    "FlipAngle": 76.1,
    "ImageComments": "PIOP2",
    "ImageOrientationPatientDICOM": [
      0.999902,
      -0.00240264,
      -0.0138246,
      -0.00139613,
      0.963308,
      -0.268396
    ],
    "Manufacturer": "Philips",
    "NumberOfVolumesDiscardedByScanner": 2,
    "ParallelAcquisitionTechnique": "SENSE",
    "ParallelReductionFactorInPlane": 2,
    "PatientPosition": "HFS",
    "PhaseEncodingDirection": "j",
    "PhilipsRescaleIntercept": 0,
    "PhilipsRescaleSlope": 0.79121,
    "PhilipsScaleSlope": 0.0578375,
    "ProtocolName": "WIPtask-wm_boldSENSE",
    "PulseSequenceType": "gradient echo EPI",
    "ReconMatrixPE": 80,
    "RepetitionTime": 2,
    "SeriesDescription": "ImageMRSERIES",
    "SeriesNumber": 3,
    "SliceEncodingDirection": "k",
    "SliceTiming": [
      0.0,
      0.0556,
      0.1111,
      0.1667,
      0.2222,
      0.2778,
      0.3333,
      0.3889,
      0.4444,
      0.5,
      0.5556,
      0.6111,
      0.6667,
      0.7222,
      0.7778,
      0.8333,
      0.8889,
      0.9444,
      1.0,
      1.0556,
      1.1111,
      1.1667,
      1.2222,
      1.2778,
      1.3333,
      1.3889,
      1.4444,
      1.5,
      1.5556,
      1.6111,
      1.6667,
      1.7222,
      1.7778,
      1.8333,
      1.8889,
      1.9444
    ],
    "TaskName": "workingmemory",
    "TotalReadoutTime": 0.026945238983542674,
    "UsePhilipsFloatNotDisplayScaling": 1,
    "WaterFatShift": 12,
    "acq_id": "seq",
    "dataset": "ds002790",
    "modality": "bold",
    "subject_id": "0126",
    "task_id": "workingmemory"
  },
  "dummy_trs": 0,
  "dvars_nstd": 19.34834252402516,
  "dvars_std": 1.239763718301886,
  "dvars_vstd": 1.0123104255974833,
  "efc": 0.422049890958534,
  "fber": 205514.078125,
  "fd_mean": 0.11744906777209493,
  "fd_num": 7,
  "fd_perc": 4.375,
  "fwhm_avg": 1.9276809176685485,
  "fwhm_x": 1.9558566666666666,
  "fwhm_y": 2.0463133333333334,
  "fwhm_z": 1.7808727530056454,
  "gcor": 0.0281515,
  "gsr_x": -0.008058937266469002,
  "gsr_y": 0.009794202633202076,
  "provenance": {
    "md5sum": "5a94e0c6765c21d96c938d75459589ec",
    "settings": {
      "fd_thres": 0.2,
      "testing": false
    },
    "software": "mriqc",
    "version": "22.0.0rc1",
    "webapi_port": null,
    "webapi_url": "https://mriqc.nimh.nih.gov/api/v1"
  },
  "size_t": 160,
  "size_x": 80,
  "size_y": 80,
  "size_z": 36,
  "snr": 5.700335192624114,
  "spacing_tr": 2.0,
  "spacing_x": 3.0,
  "spacing_y": 3.0,
  "spacing_z": 3.299999952316284,
  "summary_bg_k": 54.84372559488958,
  "summary_bg_mad": 53.540217686069354,
  "summary_bg_mean": 563.9064331054688,
  "summary_bg_median": 50.16560363769531,
  "summary_bg_n": 156502.0,
  "summary_bg_p05": 5.11339910030365,
  "summary_bg_p95": 2979.838171386718,
  "summary_bg_stdv": 1576.6749267578125,
  "summary_fg_k": 2.0719264337592387,
  "summary_fg_mad": 3825.605994012316,
  "summary_fg_mean": 23732.96484375,
  "summary_fg_median": 23367.1953125,
  "summary_fg_n": 32900.0,
  "summary_fg_p05": 17984.59150390625,
  "summary_fg_p95": 30588.2943359375,
  "summary_fg_stdv": 4099.20458984375,
  "tsnr": 90.53236389160156
}