{
  "aor": 0.002637264573991031,
  "aqi": 0.0067011746636771305,
  "bids_meta": {
    "AcquisitionNumber": 7,
    "BidsifyVersion": "0.3.5",
    "ConversionSoftware": "dcm2niix",
    "ConversionSoftwareVersion": "v1.0.20181125  GCC6.3.0",
    "EchoTime": 0.02763,
    "EffectiveEchoSpacing": 0.0006909035636805814,
    "FlipAngle": 76.1,
    "ImageComments": "PIOP2",
    "ImageOrientationPatientDICOM": [
      0.999902,
      -0.00240264,
      -0.0138246,
      -0.00139613,
      0.963308,
      -0.268396
    ],
    "Manufacturer": "Philips",
    "NumberOfVolumesDiscardedByScanner": 2,
    "ParallelAcquisitionTechnique": "SENSE",
    "ParallelReductionFactorInPlane": 2,
    "PatientPosition": "HFS",
    "PhaseEncodingDirection": "j",
    "PhilipsRescaleIntercept": 0,
    "PhilipsRescaleSlope": 0.82247,
    "PhilipsScaleSlope": 0.0558708,
    "ProtocolName": "WIPtask-stop_boldSENSE",
    "PulseSequenceType": "gradient echo EPI",
    "ReconMatrixPE": 80,
    "RepetitionTime": 2,
    "SeriesDescription": "ImageMRSERIES",
    "SeriesNumber": 7,
    "SliceEncodingDirection": "k",
    "SliceTiming": [
      0.0,
      0.0556,
      0.1111,
      0.1667,
      0.2222,
      0.2778,
      0.3333,
      0.3889,
      0.4444,
      0.5,
      0.5556,
      0.6111,
      0.6667,
      0.7222,
      0.7778,
      0.8333,
      0.8889,
      0.9444,
      1.0,
      1.0556,
      1.1111,
      1.1667,
      1.2222,
      1.2778,
      1.3333,
      1.3889,
      1.4444,
      1.5,
      1.5556,
      1.6111,
      1.6667,
      1.7222,
      1.7778,
      1.8333,
      1.8889,
      1.9444
    ],
    "TaskName": "stopsignal",
    "TotalReadoutTime": 0.026945238983542674,
    "UsePhilipsFloatNotDisplayScaling": 1,
    "WaterFatShift": 12,
    "acq_id": "seq",
    "dataset": "ds002790",
    "modality": "bold",
    "subject_id": "0126",
    "task_id": "stopsignal"
  },
  "dummy_trs": 0,
  "dvars_nstd": 24.40192595927928,
  "dvars_std": 1.2507596962612613,
  "dvars_vstd": 1.0152719936486485,
  "efc": 0.4241112417229189,
  "fber": 215104.0625,
  "fd_mean": 0.1934136690748551,
  "fd_num": 70,
  "fd_perc": 31.390134529147982,
  "fwhm_avg": 1.9236575842748482,
  "fwhm_x": 1.95822,
  "fwhm_y": 2.0444133333333334,
  "fwhm_z": 1.7683394194912103,
  "gcor": 0.0832913,
  "gsr_x": -0.00837495643645525,
  "gsr_y": 0.010748789645731449,
  "provenance": {
    "md5sum": "6bea6d6ee71611759c06bdaf2d5a7dd6",
    "settings": {
      "fd_thres": 0.2,
      "testing": false
    },
    "software": "mriqc",
    "version": "22.0.0rc1",
    "webapi_port": null,
    "webapi_url": "https://mriqc.nimh.nih.gov/api/v1"
  },
  "size_t": 223,
  "size_x": 80,
  "size_y": 80,
  "size_z": 36,
  "snr": 5.6876129019371895,
  "spacing_tr": 2.0,
  "spacing_x": 3.0,
  "spacing_y": 3.0,
  "spacing_z": 3.299999952316284,
  "summary_bg_k": 52.78210551141604,
  "summary_bg_mad": 52.38893289820534,
  "summary_bg_mean": 587.4904174804688,
  "summary_bg_median": 48.809669494628906,
  "summary_bg_n": 156465.0,
  "summary_bg_p05": 5.604464912414551,
  "summary_bg_p95": 3129.556103515621,
  "summary_bg_stdv": 1632.066162109375,
  "summary_fg_k": 2.0094211306844905,
  "summary_fg_mad": 3791.3758361510763,
  "summary_fg_mean": 23532.533203125,
  "summary_fg_median": 23159.75,
  "summary_fg_n": 32968.0,
  "summary_fg_p05": 17832.6361328125,
  "summary_fg_p95": 30372.412890624997,
  "summary_fg_stdv": 4071.9013671875,
  "tsnr": 66.27171325683594
}