{
  "aor": 0.001951973094170404,
  "aqi": 0.003413952242152466,
  "bids_meta": {
    "AcquisitionNumber": 7,
    "BidsifyVersion": "0.3.5",
    "ConversionSoftware": "dcm2niix",
    "ConversionSoftwareVersion": "v1.0.20181125  GCC6.3.0",
    "EchoTime": 0.02763,
    "EffectiveEchoSpacing": 0.0006909035636805814,
    "FlipAngle": 76.1,
    "ImageComments": "PIOP2",
    "ImageOrientationPatientDICOM": [
      0.996987,
      0.0712211,
      0.0307383,
      -0.0620263,
      0.969901,
      -0.235469
    ],
    "Manufacturer": "Philips",
    "NumberOfVolumesDiscardedByScanner": 2,
    "ParallelAcquisitionTechnique": "SENSE",
    "ParallelReductionFactorInPlane": 2,
    "PatientPosition": "HFS",
    "PhaseEncodingDirection": "j",
    "PhilipsRescaleIntercept": 0,
    "PhilipsRescaleSlope": 0.77656,
    "PhilipsScaleSlope": 0.0653979,
    "ProtocolName": "WIPtask-stop_boldSENSE",
    "PulseSequenceType": "gradient echo EPI",
    "ReconMatrixPE": 80,
    "RepetitionTime": 2,
    "SeriesDescription": "ImageMRSERIES",
    "SeriesNumber": 7,
    "SliceEncodingDirection": "k",
    "SliceTiming": [
      0.0,
      0.0556,
      0.1111,
      0.1667,
      0.2222,
      0.2778,
      0.3333,
      0.3889,
      0.4444,
      0.5,
      0.5556,
      0.6111,
      0.6667,
      0.7222,
      0.7778,
      0.8333,
      0.8889,
      0.9444,
      1.0,
      1.0556,
      1.1111,
      1.1667,
      1.2222,
      1.2778,
      1.3333,
      1.3889,
      1.4444,
      1.5,
      1.5556,
      1.6111,
      1.6667,
      1.7222,
      1.7778,
      1.8333,
      1.8889,
      1.9444
    ],
    "TaskName": "stopsignal",
    "TotalReadoutTime": 0.026945238983542674,
    "UsePhilipsFloatNotDisplayScaling": 1,
    "WaterFatShift": 12,
    "acq_id": "seq",
    "dataset": "ds002790",
    "modality": "bold",
    "subject_id": "0107",
    "task_id": "stopsignal"
  },
  "dummy_trs": 0,
  "dvars_nstd": 23.208933589549545,
  "dvars_std": 1.3738032290990987,
  "dvars_vstd": 1.0203636116666677,
  "efc": 0.4157663177939762,
  "fber": 216557.828125,
  "fd_mean": 0.12392154259046288,
  "fd_num": 16,
  "fd_perc": 7.174887892376682,
  "fwhm_avg": 1.9255519278233575,
  "fwhm_x": 1.9201166666666667,
  "fwhm_y": 2.0644966666666664,
  "fwhm_z": 1.7920424501367402,
  "gcor": 0.0253655,
  "gsr_x": -0.010104614309966564,
  "gsr_y": 0.003548484528437257,
  "provenance": {
    "md5sum": "d6b41eefe0c5fa89491bfd9f83ec803a",
    "settings": {
      "fd_thres": 0.2,
      "testing": false
    },
    "software": "mriqc",
    "version": "22.0.0rc1",
    "webapi_port": null,
    "webapi_url": "https://mriqc.nimh.nih.gov/api/v1"
  },
  "size_t": 223,
  "size_x": 80,
  "size_y": 80,
  "size_z": 36,
  "snr": 6.136564155119373,
  "spacing_tr": 2.0,
  "spacing_x": 3.0,
  "spacing_y": 3.0,
  "spacing_z": 3.299999952316284,
  "summary_bg_k": 37.31430711792309,
  "summary_bg_mad": 52.560335308653734,
  "summary_bg_mean": 611.235595703125,
  "summary_bg_median": 48.633270263671875,
  "summary_bg_n": 159959.0,
  "summary_bg_p05": 4.898015642166138,
  "summary_bg_p95": 3274.1541015625025,
  "summary_bg_stdv": 1751.07177734375,
  "summary_fg_k": 1.5131065725038688,
  "summary_fg_mad": 3548.8863979091284,
  "summary_fg_mean": 23065.826171875,
  "summary_fg_median": 22688.060546875,
  "summary_fg_n": 31092.0,
  "summary_fg_p05": 17779.19677734375,
  "summary_fg_p95": 29107.134765625,
  "summary_fg_stdv": 3697.13330078125,
  "tsnr": 96.74713897705078
}