{
  "aor": 0.001544125,
  "aqi": 0.0040695788749999995,
  "bids_meta": {
    "AcquisitionNumber": 4,
    "BidsifyVersion": "0.3.5",
    "ConversionSoftware": "dcm2niix",
    "ConversionSoftwareVersion": "v1.0.20181125  GCC6.3.0",
    "EchoTime": 0.02763,
    "EffectiveEchoSpacing": 0.0006909035636805814,
    "FlipAngle": 76.1,
    "ImageComments": "PIOP2",
    "ImageOrientationPatientDICOM": [
      0.996987,
      0.0712211,
      0.0307383,
      -0.0620263,
      0.969901,
      -0.235469
    ],
    "Manufacturer": "Philips",
    "NumberOfVolumesDiscardedByScanner": 2,
    "ParallelAcquisitionTechnique": "SENSE",
    "ParallelReductionFactorInPlane": 2,
    "PatientPosition": "HFS",
    "PhaseEncodingDirection": "j",
    "PhilipsRescaleIntercept": 0,
    "PhilipsRescaleSlope": 0.75849,
    "PhilipsScaleSlope": 0.0660312,
    "ProtocolName": "WIPtask-rest_boldSENSE",
    "PulseSequenceType": "gradient echo EPI",
    "ReconMatrixPE": 80,
    "RepetitionTime": 2,
    "SeriesDescription": "ImageMRSERIES",
    "SeriesNumber": 4,
    "SliceEncodingDirection": "k",
    "SliceTiming": [
      0.0,
      0.0556,
      0.1111,
      0.1667,
      0.2222,
      0.2778,
      0.3333,
      0.3889,
      0.4444,
      0.5,
      0.5556,
      0.6111,
      0.6667,
      0.7222,
      0.7778,
      0.8333,
      0.8889,
      0.9444,
      1.0,
      1.0556,
      1.1111,
      1.1667,
      1.2222,
      1.2778,
      1.3333,
      1.3889,
      1.4444,
      1.5,
      1.5556,
      1.6111,
      1.6667,
      1.7222,
      1.7778,
      1.8333,
      1.8889,
      1.9444
    ],
    "TaskName": "restingstate",
    "TotalReadoutTime": 0.026945238983542674,
    "UsePhilipsFloatNotDisplayScaling": 1,
    "WaterFatShift": 12,
    "acq_id": "seq",
    "dataset": "ds002790",
    "modality": "bold",
    "subject_id": "0107",
    "task_id": "restingstate"
  },
  "dummy_trs": 0,
  "dvars_nstd": 21.90359001066946,
  "dvars_std": 1.3078251915481165,
  "dvars_vstd": 1.002286923138075,
  "efc": 0.41465436977963216,
  "fber": 220908.921875,
  "fd_mean": 0.13654342852494947,
  "fd_num": 34,
  "fd_perc": 14.166666666666666,
  "fwhm_avg": 1.923368998470645,
  "fwhm_x": 1.9320466666666667,
  "fwhm_y": 2.05843,
  "fwhm_z": 1.7796303287452686,
  "gcor": 0.0421798,
  "gsr_x": -0.009661026298999786,
  "gsr_y": 0.003718198975548148,
  "provenance": {
    "md5sum": "d214b0ae6a7e1db37ba3aa0329c99041",
    "settings": {
      "fd_thres": 0.2,
      "testing": false
    },
    "software": "mriqc",
    "version": "22.0.0rc1",
    "webapi_port": null,
    "webapi_url": "https://mriqc.nimh.nih.gov/api/v1"
  },
  "size_t": 240,
  "size_x": 80,
  "size_y": 80,
  "size_z": 36,
  "snr": 6.192489144398301,
  "spacing_tr": 2.0,
  "spacing_x": 3.0,
  "spacing_y": 3.0,
  "spacing_z": 3.299999952316284,
  "summary_bg_k": 37.176714699972734,
  "summary_bg_mad": 51.47864293935904,
  "summary_bg_mean": 597.0155639648438,
  "summary_bg_median": 47.7833251953125,
  "summary_bg_n": 160037.0,
  "summary_bg_p05": 4.946074390411377,
  "summary_bg_p95": 3183.334082031236,
  "summary_bg_stdv": 1718.1768798828125,
  "summary_fg_k": 1.7711618248924186,
  "summary_fg_mad": 3451.14903193235,
  "summary_fg_mean": 22950.4765625,
  "summary_fg_median": 22604.662109375,
  "summary_fg_n": 31066.0,
  "summary_fg_p05": 17728.43017578125,
  "summary_fg_p95": 28849.80712890625,
  "summary_fg_stdv": 3650.276611328125,
  "tsnr": 89.22602081298828
}