{
  "aor": 0.002857851851851852,
  "aqi": 0.004026858296296296,
  "bids_meta": {
    "AcquisitionNumber": 8,
    "BidsifyVersion": "0.3.5",
    "ConversionSoftware": "dcm2niix",
    "ConversionSoftwareVersion": "v1.0.20181125  GCC6.3.0",
    "EchoTime": 0.02763,
    "EffectiveEchoSpacing": 0.0006909035636805814,
    "FlipAngle": 76.1,
    "ImageComments": "PIOP2",
    "ImageOrientationPatientDICOM": [
      0.996987,
      0.0712211,
      0.0307383,
      -0.0620263,
      0.969901,
      -0.235469
    ],
    "Manufacturer": "Philips",
    "NumberOfVolumesDiscardedByScanner": 2,
    "ParallelAcquisitionTechnique": "SENSE",
    "ParallelReductionFactorInPlane": 2,
    "PatientPosition": "HFS",
    "PhaseEncodingDirection": "j",
    "PhilipsRescaleIntercept": 0,
    "PhilipsRescaleSlope": 0.78217,
    "PhilipsScaleSlope": 0.0657837,
    "ProtocolName": "WIPtask-harriri_boldSENSE",
    "PulseSequenceType": "gradient echo EPI",
    "ReconMatrixPE": 80,
    "RepetitionTime": 2,
    "SeriesDescription": "ImageMRSERIES",
    "SeriesNumber": 8,
    "SliceEncodingDirection": "k",
    "SliceTiming": [
      0.0,
      0.0556,
      0.1111,
      0.1667,
      0.2222,
      0.2778,
      0.3333,
      0.3889,
      0.4444,
      0.5,
      0.5556,
      0.6111,
      0.6667,
      0.7222,
      0.7778,
      0.8333,
      0.8889,
      0.9444,
      1.0,
      1.0556,
      1.1111,
      1.1667,
      1.2222,
      1.2778,
      1.3333,
      1.3889,
      1.4444,
      1.5,
      1.5556,
      1.6111,
      1.6667,
      1.7222,
      1.7778,
      1.8333,
      1.8889,
      1.9444
    ],
    "TaskName": "emomatching",
    "TotalReadoutTime": 0.026945238983542674,
    "UsePhilipsFloatNotDisplayScaling": 1,
    "WaterFatShift": 12,
    "acq_id": "seq",
    "dataset": "ds002790",
    "modality": "bold",
    "subject_id": "0107",
    "task_id": "emomatching"
  },
  "dummy_trs": 0,
  "dvars_nstd": 22.38029749007463,
  "dvars_std": 1.3302525420149258,
  "dvars_vstd": 1.032161746492537,
  "efc": 0.41581195898831175,
  "fber": 218522.078125,
  "fd_mean": 0.1418670031047707,
  "fd_num": 23,
  "fd_perc": 17.037037037037038,
  "fwhm_avg": 1.920863240913059,
  "fwhm_x": 1.9223933333333332,
  "fwhm_y": 2.0567933333333333,
  "fwhm_z": 1.7834030560725105,
  "gcor": 0.0460062,
  "gsr_x": -0.00986991636455059,
  "gsr_y": 0.003378150286152959,
  "provenance": {
    "md5sum": "a12f05f14af4bd895340bc67c64bf3b6",
    "settings": {
      "fd_thres": 0.2,
      "testing": false
    },
    "software": "mriqc",
    "version": "22.0.0rc1",
    "webapi_port": null,
    "webapi_url": "https://mriqc.nimh.nih.gov/api/v1"
  },
  "size_t": 135,
  "size_x": 80,
  "size_y": 80,
  "size_z": 36,
  "snr": 6.13690318871875,
  "spacing_tr": 2.0,
  "spacing_x": 3.0,
  "spacing_y": 3.0,
  "spacing_z": 3.299999952316284,
  "summary_bg_k": 36.38102208670923,
  "summary_bg_mad": 51.189444054427014,
  "summary_bg_mean": 605.44970703125,
  "summary_bg_median": 47.51045227050781,
  "summary_bg_n": 160007.0,
  "summary_bg_p05": 4.792402601242065,
  "summary_bg_p95": 3270.0973632812443,
  "summary_bg_stdv": 1728.1822509765625,
  "summary_fg_k": 1.6072025696945103,
  "summary_fg_mad": 3468.0121843141224,
  "summary_fg_mean": 22720.3125,
  "summary_fg_median": 22342.94921875,
  "summary_fg_n": 31115.0,
  "summary_fg_p05": 17520.28203125,
  "summary_fg_p95": 28612.9515625,
  "summary_fg_stdv": 3640.694580078125,
  "tsnr": 90.1578598022461
}