{
  "aor": 0.001719375,
  "aqi": 0.004413293625,
  "bids_meta": {
    "AcquisitionNumber": 3,
    "BidsifyVersion": "0.3.5",
    "ConversionSoftware": "dcm2niix",
    "ConversionSoftwareVersion": "v1.0.20181125  GCC6.3.0",
    "EchoTime": 0.02763,
    "EffectiveEchoSpacing": 0.0006909035636805814,
    "FlipAngle": 76.1,
    "ImageComments": "PIOP2",
    "ImageOrientationPatientDICOM": [
      0.996987,
      0.0712211,
      0.0307383,
      -0.0620263,
      0.969901,
      -0.235469
    ],
    "Manufacturer": "Philips",
    "NumberOfVolumesDiscardedByScanner": 2,
    "ParallelAcquisitionTechnique": "SENSE",
    "ParallelReductionFactorInPlane": 2,
    "PatientPosition": "HFS",
    "PhaseEncodingDirection": "j",
    "PhilipsRescaleIntercept": 0,
    "PhilipsRescaleSlope": 0.75018,
    "PhilipsScaleSlope": 0.0644999,
    "ProtocolName": "WIPtask-wm_boldSENSE",
    "PulseSequenceType": "gradient echo EPI",
    "ReconMatrixPE": 80,
    "RepetitionTime": 2,
    "SeriesDescription": "ImageMRSERIES",
    "SeriesNumber": 3,
    "SliceEncodingDirection": "k",
    "SliceTiming": [
      0.0,
      0.0556,
      0.1111,
      0.1667,
      0.2222,
      0.2778,
      0.3333,
      0.3889,
      0.4444,
      0.5,
      0.5556,
      0.6111,
      0.6667,
      0.7222,
      0.7778,
      0.8333,
      0.8889,
      0.9444,
      1.0,
      1.0556,
      1.1111,
      1.1667,
      1.2222,
      1.2778,
      1.3333,
      1.3889,
      1.4444,
      1.5,
      1.5556,
      1.6111,
      1.6667,
      1.7222,
      1.7778,
      1.8333,
      1.8889,
      1.9444
    ],
    "TaskName": "workingmemory",
    "TotalReadoutTime": 0.026945238983542674,
    "UsePhilipsFloatNotDisplayScaling": 1,
    "WaterFatShift": 12,
    "acq_id": "seq",
    "dataset": "ds002790",
    "modality": "bold",
    "subject_id": "0107",
    "task_id": "workingmemory"
  },
  "dummy_trs": 0,
  "dvars_nstd": 19.670893615283024,
  "dvars_std": 1.2174590207547165,
  "dvars_vstd": 0.9876824038364782,
  "efc": 0.4139800499680143,
  "fber": 219450.75,
  "fd_mean": 0.10353177896494856,
  "fd_num": 8,
  "fd_perc": 5.0,
  "fwhm_avg": 1.9301363722567242,
  "fwhm_x": 1.9274033333333334,
  "fwhm_y": 2.0732633333333332,
  "fwhm_z": 1.7897424501035062,
  "gcor": 0.0232442,
  "gsr_x": -0.009254173375666142,
  "gsr_y": 0.00387976854108274,
  "provenance": {
    "md5sum": "254ec3205654501153ddd0970c82ffe7",
    "settings": {
      "fd_thres": 0.2,
      "testing": false
    },
    "software": "mriqc",
    "version": "22.0.0rc1",
    "webapi_port": null,
    "webapi_url": "https://mriqc.nimh.nih.gov/api/v1"
  },
  "size_t": 160,
  "size_x": 80,
  "size_y": 80,
  "size_z": 36,
  "snr": 6.102024292307902,
  "spacing_tr": 2.0,
  "spacing_x": 3.0,
  "spacing_y": 3.0,
  "spacing_z": 3.299999952316284,
  "summary_bg_k": 35.80093911567487,
  "summary_bg_mad": 52.15281962680423,
  "summary_bg_mean": 596.2177124023438,
  "summary_bg_median": 48.526710510253906,
  "summary_bg_n": 160039.0,
  "summary_bg_p05": 5.4326831817626955,
  "summary_bg_p95": 3146.5005859375055,
  "summary_bg_stdv": 1714.5623779296875,
  "summary_fg_k": 1.816117661125368,
  "summary_fg_mad": 3555.193248752693,
  "summary_fg_mean": 23224.830078125,
  "summary_fg_median": 22866.05078125,
  "summary_fg_n": 31037.0,
  "summary_fg_p05": 17869.301953125,
  "summary_fg_p95": 29296.421484374994,
  "summary_fg_stdv": 3747.22900390625,
  "tsnr": 86.26238250732422
}