{
  "bids_meta": {
    "AcquisitionNumber": 2,
    "BidsifyVersion": "0.3.5",
    "ConversionSoftware": "dcm2niix",
    "ConversionSoftwareVersion": "v1.0.20181125  GCC6.3.0",
    "EchoTime": 0.00383,
    "ImageComments": "PIOP2",
    "ImageOrientationPatientDICOM": [
      0.997591,
      0.0693294,
      -0.00218976,
      -0.0681839,
      0.985929,
      0.152628
    ],
    "Manufacturer": "Philips",
    "NumberSignalAcquisitions": 2,
    "PatientPosition": "HFS",
    "PhilipsRescaleIntercept": 0,
    "PhilipsRescaleSlope": 9.58535,
    "PhilipsScaleSlope": 0.00737493,
    "ProtocolName": "WIPT1anat_acq-6m_T1wSENSE",
    "ReconMatrixPE": 240,
    "RepetitionTime": 0.008302,
    "SeriesDescription": "ImageMRSERIES",
    "SeriesNumber": 2,
    "UsePhilipsFloatNotDisplayScaling": 1,
    "dataset": "ds002790",
    "modality": "T1w",
    "subject_id": "0063"
  },
  "cjv": 0.2919220161186496,
  "cnr": 4.137283589122604,
  "efc": 0.7828762318151702,
  "fber": 1359.580078125,
  "fwhm_avg": 4.36403632469817,
  "fwhm_x": 4.064279515500126,
  "fwhm_y": 4.48619,
  "fwhm_z": 4.5416394585943864,
  "icvs_csf": 0.24871122277363183,
  "icvs_gm": 0.36774986636067997,
  "icvs_wm": 0.3835389108656882,
  "inu_med": 2.175124406814575,
  "inu_range": 0.6147765219211578,
  "provenance": {
    "md5sum": "643c46582c186d9dd4a3e7e9f36a19db",
    "settings": {
      "testing": false
    },
    "software": "mriqc",
    "version": "22.0.0rc1",
    "warnings": {
      "large_rot_frame": true,
      "small_air_mask": true
    },
    "webapi_port": null,
    "webapi_url": "https://mriqc.nimh.nih.gov/api/v1"
  },
  "qi_1": 0.0,
  "qi_2": 0.0005017521312778995,
  "rpve_csf": 22.89369487691648,
  "rpve_gm": 14.61817642937975,
  "rpve_wm": 18.941826851527537,
  "size_x": 240,
  "size_y": 240,
  "size_z": 220,
  "snr_csf": 3.513232405407404,
  "snr_gm": 9.692409953517501,
  "snr_total": 13.613845195768553,
  "snr_wm": 27.635893228380755,
  "snrd_csf": 23.57142587176136,
  "snrd_gm": 44.689947528561234,
  "snrd_total": 44.84484045876917,
  "snrd_wm": 66.27314797598493,
  "spacing_x": 1.0000001192092896,
  "spacing_y": 1.0,
  "spacing_z": 1.0000001192092896,
  "summary_bg_k": 2.1817562313746715,
  "summary_bg_mad": 9.885263045441409,
  "summary_bg_mean": 10.1438627243042,
  "summary_bg_median": 6.98865270614624,
  "summary_bg_n": 73098.0,
  "summary_bg_p05": 0.0,
  "summary_bg_p95": 21.00898132324219,
  "summary_bg_stdv": 6.831561088562012,
  "summary_csf_k": 0.011685898768192704,
  "summary_csf_mad": 102.13476922435365,
  "summary_csf_mean": 344.15386962890625,
  "summary_csf_median": 355.666015625,
  "summary_csf_n": 13978.0,
  "summary_csf_p05": 158.12333908081055,
  "summary_csf_p95": 488.0283020019531,
  "summary_csf_stdv": 101.23249816894531,
  "summary_gm_k": 0.6044563163272709,
  "summary_gm_mad": 62.68410327059647,
  "summary_gm_mean": 679.2657470703125,
  "summary_gm_median": 674.3204956054688,
  "summary_gm_n": 24485.0,
  "summary_gm_p05": 572.7902954101562,
  "summary_gm_p95": 804.378173828125,
  "summary_gm_stdv": 69.57059478759766,
  "summary_wm_k": 1.2599527217841677,
  "summary_wm_mad": 32.3849587744753,
  "summary_wm_mean": 998.362060546875,
  "summary_wm_median": 999.9864501953125,
  "summary_wm_n": 254796.0,
  "summary_wm_p05": 936.1207275390625,
  "summary_wm_p95": 1053.0149536132812,
  "summary_wm_stdv": 36.18426513671875,
  "tpm_overlap_csf": 0.1483246237039566,
  "tpm_overlap_gm": 0.41320210695266724,
  "tpm_overlap_wm": 0.5040854811668396,
  "wm2max": 0.752316050313383
}