{
  "aor": 0.008668333333333332,
  "aqi": 0.01743006745833333,
  "bids_meta": {
    "AcquisitionNumber": 4,
    "BidsifyVersion": "0.3.5",
    "ConversionSoftware": "dcm2niix",
    "ConversionSoftwareVersion": "v1.0.20181125  GCC6.3.0",
    "EchoTime": 0.02763,
    "EffectiveEchoSpacing": 0.0006909035636805814,
    "FlipAngle": 76.1,
    "ImageComments": "PIOP2",
    "ImageOrientationPatientDICOM": [
      0.999394,
      0.0134046,
      -0.0321234,
      -0.0160487,
      0.996377,
      -0.0835207
    ],
    "Manufacturer": "Philips",
    "NumberOfVolumesDiscardedByScanner": 2,
    "ParallelAcquisitionTechnique": "SENSE",
    "ParallelReductionFactorInPlane": 2,
    "PatientPosition": "HFS",
    "PhaseEncodingDirection": "j",
    "PhilipsRescaleIntercept": 0,
    "PhilipsRescaleSlope": 0.75922,
    "PhilipsScaleSlope": 0.0541583,
    "ProtocolName": "WIPtask-rest_boldSENSE",
    "PulseSequenceType": "gradient echo EPI",
    "ReconMatrixPE": 80,
    "RepetitionTime": 2,
    "SeriesDescription": "ImageMRSERIES",
    "SeriesNumber": 4,
    "SliceEncodingDirection": "k",
    "SliceTiming": [
      0.0,
      0.0556,
      0.1111,
      0.1667,
      0.2222,
      0.2778,
      0.3333,
      0.3889,
      0.4444,
      0.5,
      0.5556,
      0.6111,
      0.6667,
      0.7222,
      0.7778,
      0.8333,
      0.8889,
      0.9444,
      1.0,
      1.0556,
      1.1111,
      1.1667,
      1.2222,
      1.2778,
      1.3333,
      1.3889,
      1.4444,
      1.5,
      1.5556,
      1.6111,
      1.6667,
      1.7222,
      1.7778,
      1.8333,
      1.8889,
      1.9444
    ],
    "TaskName": "restingstate",
    "TotalReadoutTime": 0.026945238983542674,
    "UsePhilipsFloatNotDisplayScaling": 1,
    "WaterFatShift": 12,
    "acq_id": "seq",
    "dataset": "ds002790",
    "modality": "bold",
    "subject_id": "0024",
    "task_id": "restingstate"
  },
  "dummy_trs": 0,
  "dvars_nstd": 18.280224868158975,
  "dvars_std": 1.1106420761087872,
  "dvars_vstd": 0.9776499098744764,
  "efc": 0.4285043302549544,
  "fber": 191019.828125,
  "fd_mean": 0.1662409708733688,
  "fd_num": 44,
  "fd_perc": 18.333333333333332,
  "fwhm_avg": 1.9026076847417894,
  "fwhm_x": 1.90187,
  "fwhm_y": 2.1503833333333335,
  "fwhm_z": 1.6555697208920352,
  "gcor": 0.0470586,
  "gsr_x": -0.014031008817255497,
  "gsr_y": 0.013843194581568241,
  "provenance": {
    "md5sum": "e584bb697536ebb742a8b64c8dadaf11",
    "settings": {
      "fd_thres": 0.2,
      "testing": false
    },
    "software": "mriqc",
    "version": "22.0.0rc1",
    "webapi_port": null,
    "webapi_url": "https://mriqc.nimh.nih.gov/api/v1"
  },
  "size_t": 240,
  "size_x": 80,
  "size_y": 80,
  "size_z": 36,
  "snr": 6.303256777142184,
  "spacing_tr": 2.0,
  "spacing_x": 3.0,
  "spacing_y": 3.0,
  "spacing_z": 3.299999952316284,
  "summary_bg_k": 90.69634748159292,
  "summary_bg_mad": 67.86375474069848,
  "summary_bg_mean": 584.509033203125,
  "summary_bg_median": 61.025634765625,
  "summary_bg_n": 154697.0,
  "summary_bg_p05": 6.1917060852050785,
  "summary_bg_p95": 2825.8658691406217,
  "summary_bg_stdv": 1656.1080322265625,
  "summary_fg_k": 1.5321696958706523,
  "summary_fg_mad": 4166.1484303439665,
  "summary_fg_mean": 27473.744140625,
  "summary_fg_median": 27141.34765625,
  "summary_fg_n": 34902.0,
  "summary_fg_p05": 21316.52001953125,
  "summary_fg_p95": 34648.65312499999,
  "summary_fg_stdv": 4305.86279296875,
  "tsnr": 54.389461517333984
}