{
  "aor": 0.006468425531914892,
  "aqi": 0.012466687872340423,
  "bids_meta": {
    "AcquisitionNumber": 7,
    "BidsifyVersion": "0.3.5",
    "ConversionSoftware": "dcm2niix",
    "ConversionSoftwareVersion": "v1.0.20181125  GCC6.3.0",
    "EchoTime": 0.02763,
    "EffectiveEchoSpacing": 0.0006909035636805814,
    "FlipAngle": 76.1,
    "ImageComments": "PIOP2",
    "ImageOrientationPatientDICOM": [
      0.999394,
      0.0134046,
      -0.0321234,
      -0.0160487,
      0.996377,
      -0.0835207
    ],
    "Manufacturer": "Philips",
    "NumberOfVolumesDiscardedByScanner": 2,
    "ParallelAcquisitionTechnique": "SENSE",
    "ParallelReductionFactorInPlane": 2,
    "PatientPosition": "HFS",
    "PhaseEncodingDirection": "j",
    "PhilipsRescaleIntercept": 0,
    "PhilipsRescaleSlope": 0.79878,
    "PhilipsScaleSlope": 0.0551095,
    "ProtocolName": "WIPtask-stop_boldSENSE",
    "PulseSequenceType": "gradient echo EPI",
    "ReconMatrixPE": 80,
    "RepetitionTime": 2,
    "SeriesDescription": "ImageMRSERIES",
    "SeriesNumber": 7,
    "SliceEncodingDirection": "k",
    "SliceTiming": [
      0.0,
      0.0556,
      0.1111,
      0.1667,
      0.2222,
      0.2778,
      0.3333,
      0.3889,
      0.4444,
      0.5,
      0.5556,
      0.6111,
      0.6667,
      0.7222,
      0.7778,
      0.8333,
      0.8889,
      0.9444,
      1.0,
      1.0556,
      1.1111,
      1.1667,
      1.2222,
      1.2778,
      1.3333,
      1.3889,
      1.4444,
      1.5,
      1.5556,
      1.6111,
      1.6667,
      1.7222,
      1.7778,
      1.8333,
      1.8889,
      1.9444
    ],
    "TaskName": "stopsignal",
    "TotalReadoutTime": 0.026945238983542674,
    "UsePhilipsFloatNotDisplayScaling": 1,
    "WaterFatShift": 12,
    "acq_id": "seq",
    "dataset": "ds002790",
    "modality": "bold",
    "subject_id": "0024",
    "task_id": "stopsignal"
  },
  "dummy_trs": 1,
  "dvars_nstd": 19.027537468119665,
  "dvars_std": 1.084886099358974,
  "dvars_vstd": 0.9670343943162395,
  "efc": 0.4286247768724969,
  "fber": 200451.84375,
  "fd_mean": 0.19488987130074806,
  "fd_num": 62,
  "fd_perc": 26.382978723404257,
  "fwhm_avg": 1.8697263712943801,
  "fwhm_x": 1.8860466666666669,
  "fwhm_y": 2.13319,
  "fwhm_z": 1.5899424472164738,
  "gcor": 0.0313237,
  "gsr_x": -0.013935289345681667,
  "gsr_y": 0.014351452700793743,
  "provenance": {
    "md5sum": "f0966b96f3004e743acd27789e836040",
    "settings": {
      "fd_thres": 0.2,
      "testing": false
    },
    "software": "mriqc",
    "version": "22.0.0rc1",
    "webapi_port": null,
    "webapi_url": "https://mriqc.nimh.nih.gov/api/v1"
  },
  "size_t": 235,
  "size_x": 80,
  "size_y": 80,
  "size_z": 36,
  "snr": 6.60035955156479,
  "spacing_tr": 2.0,
  "spacing_x": 3.0,
  "spacing_y": 3.0,
  "spacing_z": 3.299999952316284,
  "summary_bg_k": 84.3064206235387,
  "summary_bg_mad": 65.34190460708874,
  "summary_bg_mean": 584.5971069335938,
  "summary_bg_median": 59.65216064453125,
  "summary_bg_n": 154739.0,
  "summary_bg_p05": 6.615717506408692,
  "summary_bg_p95": 2852.679394531252,
  "summary_bg_stdv": 1633.7454833984375,
  "summary_fg_k": 1.3781350923576046,
  "summary_fg_mad": 4011.2555905608147,
  "summary_fg_mean": 27240.046875,
  "summary_fg_median": 26927.64453125,
  "summary_fg_n": 34953.0,
  "summary_fg_p05": 21376.55390625,
  "summary_fg_p95": 34036.506250000006,
  "summary_fg_stdv": 4079.66552734375,
  "tsnr": 58.373939514160156
}