{
  "aor": 0.006813125000000001,
  "aqi": 0.007326969500000001,
  "bids_meta": {
    "AcquisitionNumber": 3,
    "BidsifyVersion": "0.3.5",
    "ConversionSoftware": "dcm2niix",
    "ConversionSoftwareVersion": "v1.0.20181125  GCC6.3.0",
    "EchoTime": 0.02763,
    "EffectiveEchoSpacing": 0.0006909035636805814,
    "FlipAngle": 76.1,
    "ImageComments": "PIOP2",
    "ImageOrientationPatientDICOM": [
      0.999394,
      0.0134046,
      -0.0321234,
      -0.0160487,
      0.996377,
      -0.0835207
    ],
    "Manufacturer": "Philips",
    "NumberOfVolumesDiscardedByScanner": 2,
    "ParallelAcquisitionTechnique": "SENSE",
    "ParallelReductionFactorInPlane": 2,
    "PatientPosition": "HFS",
    "PhaseEncodingDirection": "j",
    "PhilipsRescaleIntercept": 0,
    "PhilipsRescaleSlope": 0.78632,
    "PhilipsScaleSlope": 0.0554815,
    "ProtocolName": "WIPtask-wm_boldSENSE",
    "PulseSequenceType": "gradient echo EPI",
    "ReconMatrixPE": 80,
    "RepetitionTime": 2,
    "SeriesDescription": "ImageMRSERIES",
    "SeriesNumber": 3,
    "SliceEncodingDirection": "k",
    "SliceTiming": [
      0.0,
      0.0556,
      0.1111,
      0.1667,
      0.2222,
      0.2778,
      0.3333,
      0.3889,
      0.4444,
      0.5,
      0.5556,
      0.6111,
      0.6667,
      0.7222,
      0.7778,
      0.8333,
      0.8889,
      0.9444,
      1.0,
      1.0556,
      1.1111,
      1.1667,
      1.2222,
      1.2778,
      1.3333,
      1.3889,
      1.4444,
      1.5,
      1.5556,
      1.6111,
      1.6667,
      1.7222,
      1.7778,
      1.8333,
      1.8889,
      1.9444
    ],
    "TaskName": "workingmemory",
    "TotalReadoutTime": 0.026945238983542674,
    "UsePhilipsFloatNotDisplayScaling": 1,
    "WaterFatShift": 12,
    "acq_id": "seq",
    "dataset": "ds002790",
    "modality": "bold",
    "subject_id": "0024",
    "task_id": "workingmemory"
  },
  "dummy_trs": 0,
  "dvars_nstd": 17.449633358490566,
  "dvars_std": 1.1747134085534594,
  "dvars_vstd": 0.9885373693081757,
  "efc": 0.42944965495604287,
  "fber": 176398.0625,
  "fd_mean": 0.16213863921704258,
  "fd_num": 24,
  "fd_perc": 15.0,
  "fwhm_avg": 1.8815769778962774,
  "fwhm_x": 1.8401066666666666,
  "fwhm_y": 2.1023,
  "fwhm_z": 1.7023242670221657,
  "gcor": 0.0198308,
  "gsr_x": -0.01376467663794756,
  "gsr_y": 0.013933252543210983,
  "provenance": {
    "md5sum": "51de12df1cdeab9f720e9ec67b0d3295",
    "settings": {
      "fd_thres": 0.2,
      "testing": false
    },
    "software": "mriqc",
    "version": "22.0.0rc1",
    "webapi_port": null,
    "webapi_url": "https://mriqc.nimh.nih.gov/api/v1"
  },
  "size_t": 160,
  "size_x": 80,
  "size_y": 80,
  "size_z": 36,
  "snr": 6.515298284622716,
  "spacing_tr": 2.0,
  "spacing_x": 3.0,
  "spacing_y": 3.0,
  "spacing_z": 3.299999952316284,
  "summary_bg_k": 79.234276610227,
  "summary_bg_mad": 76.66340391067585,
  "summary_bg_mean": 584.4159545898438,
  "summary_bg_median": 64.07732391357422,
  "summary_bg_n": 154537.0,
  "summary_bg_p05": 3.757178258895874,
  "summary_bg_p95": 2848.7799316406226,
  "summary_bg_stdv": 1631.2001953125,
  "summary_fg_k": 1.399232043809791,
  "summary_fg_mad": 4140.877591357837,
  "summary_fg_mean": 27619.572265625,
  "summary_fg_median": 27307.87109375,
  "summary_fg_n": 35140.0,
  "summary_fg_p05": 21520.18857421875,
  "summary_fg_p95": 34443.537890625,
  "summary_fg_stdv": 4191.28662109375,
  "tsnr": 73.28102111816406
}