{
  "bids_meta": {
    "AcquisitionNumber": 2,
    "BidsifyVersion": "0.3.5",
    "ConversionSoftware": "dcm2niix",
    "ConversionSoftwareVersion": "v1.0.20181125  GCC6.3.0",
    "EchoTime": 0.00376,
    "ImageComments": "PIOP2",
    "ImageOrientationPatientDICOM": [
      0.998333,
      0.029522,
      -0.0496016,
      -0.0257935,
      0.99691,
      0.0741959
    ],
    "Manufacturer": "Philips",
    "NumberSignalAcquisitions": 2,
    "PatientPosition": "HFS",
    "PhilipsRescaleIntercept": 0,
    "PhilipsRescaleSlope": 9.25519,
    "PhilipsScaleSlope": 0.00731454,
    "ProtocolName": "WIPT1anat_acq-6m_T1wSENSE",
    "ReconMatrixPE": 240,
    "RepetitionTime": 0.00821,
    "SeriesDescription": "ImageMRSERIES",
    "SeriesNumber": 2,
    "UsePhilipsFloatNotDisplayScaling": 1,
    "dataset": "ds002790",
    "modality": "T1w",
    "subject_id": "0062"
  },
  "cjv": 0.30490768741626617,
  "cnr": 4.044994064055011,
  "efc": 0.7769674567219137,
  "fber": 1536.518310546875,
  "fwhm_avg": 4.832456488086006,
  "fwhm_x": 4.49412946425802,
  "fwhm_y": 4.88056,
  "fwhm_z": 5.12268,
  "icvs_csf": 0.2529983625131983,
  "icvs_gm": 0.3828618492817465,
  "icvs_wm": 0.3641397882050552,
  "inu_med": 0.7351356744766235,
  "inu_range": 0.23152971565723424,
  "provenance": {
    "md5sum": "e1b5a2ca72a2c1b1efce74ec17161c02",
    "settings": {
      "testing": false
    },
    "software": "mriqc",
    "version": "22.0.0rc1",
    "warnings": {
      "large_rot_frame": true,
      "small_air_mask": true
    },
    "webapi_port": null,
    "webapi_url": "https://mriqc.nimh.nih.gov/api/v1"
  },
  "qi_1": 0.0,
  "qi_2": 0.0004394915157870305,
  "rpve_csf": 24.25290165289895,
  "rpve_gm": 15.434299655497329,
  "rpve_wm": 21.35372400820214,
  "size_x": 240,
  "size_y": 240,
  "size_z": 220,
  "snr_csf": 2.1892313777310997,
  "snr_gm": 9.499325092391004,
  "snr_total": 13.2030610234198,
  "snr_wm": 27.920626600137293,
  "snrd_csf": 21.8315373419323,
  "snrd_gm": 45.791328205438006,
  "snrd_total": 45.10662604515655,
  "snrd_wm": 67.69701258809935,
  "spacing_x": 1.0000001192092896,
  "spacing_y": 1.0,
  "spacing_z": 1.0,
  "summary_bg_k": 197.9515011041845,
  "summary_bg_mad": 9.677460687337133,
  "summary_bg_mean": 9.181389808654785,
  "summary_bg_median": 6.773385047912598,
  "summary_bg_n": 115638.0,
  "summary_bg_p05": 0.0,
  "summary_bg_p95": 20.304060173034667,
  "summary_bg_stdv": 6.822200298309326,
  "summary_csf_k": 64.3088641344053,
  "summary_csf_mad": 140.83413482904206,
  "summary_csf_mean": 319.0605163574219,
  "summary_csf_median": 322.48834228515625,
  "summary_csf_n": 21295.0,
  "summary_csf_p05": 130.01108093261718,
  "summary_csf_p95": 484.1041625976562,
  "summary_csf_stdv": 147.30319213867188,
  "summary_gm_k": 0.2793339811482216,
  "summary_gm_mad": 67.82850855148291,
  "summary_gm_mean": 682.5708618164062,
  "summary_gm_median": 676.41455078125,
  "summary_gm_n": 16248.0,
  "summary_gm_p05": 575.5221984863281,
  "summary_gm_p95": 808.2881195068359,
  "summary_gm_stdv": 71.20439910888672,
  "summary_wm_k": 1.4705625156035618,
  "summary_wm_mad": 30.83462414870948,
  "summary_wm_mean": 999.8607177734375,
  "summary_wm_median": 999.9981689453125,
  "summary_wm_n": 214908.0,
  "summary_wm_p05": 942.0289123535156,
  "summary_wm_p95": 1057.7543640136719,
  "summary_wm_stdv": 35.81566619873047,
  "tpm_overlap_csf": 0.1708122193813324,
  "tpm_overlap_gm": 0.4416026175022125,
  "tpm_overlap_wm": 0.5199581980705261,
  "wm2max": 0.7371620849552727
}