{
  "aor": 0.0021040833333333332,
  "aqi": 0.0034939606666666667,
  "bids_meta": {
    "AcquisitionNumber": 4,
    "BidsifyVersion": "0.3.5",
    "ConversionSoftware": "dcm2niix",
    "ConversionSoftwareVersion": "v1.0.20181125  GCC6.3.0",
    "EchoTime": 0.02763,
    "EffectiveEchoSpacing": 0.0006909035636805814,
    "FlipAngle": 76.1,
    "ImageComments": "PIOP2",
    "ImageOrientationPatientDICOM": [
      0.999766,
      0.0175488,
      -0.0126345,
      -0.0160547,
      0.993807,
      0.109951
    ],
    "Manufacturer": "Philips",
    "NumberOfVolumesDiscardedByScanner": 2,
    "ParallelAcquisitionTechnique": "SENSE",
    "ParallelReductionFactorInPlane": 2,
    "PatientPosition": "HFS",
    "PhaseEncodingDirection": "j",
    "PhilipsRescaleIntercept": 0,
    "PhilipsRescaleSlope": 0.75238,
    "PhilipsScaleSlope": 0.0570042,
    "ProtocolName": "WIPtask-rest_boldSENSE",
    "PulseSequenceType": "gradient echo EPI",
    "ReconMatrixPE": 80,
    "RepetitionTime": 2,
    "SeriesDescription": "ImageMRSERIES",
    "SeriesNumber": 4,
    "SliceEncodingDirection": "k",
    "SliceTiming": [
      0.0,
      0.0556,
      0.1111,
      0.1667,
      0.2222,
      0.2778,
      0.3333,
      0.3889,
      0.4444,
      0.5,
      0.5556,
      0.6111,
      0.6667,
      0.7222,
      0.7778,
      0.8333,
      0.8889,
      0.9444,
      1.0,
      1.0556,
      1.1111,
      1.1667,
      1.2222,
      1.2778,
      1.3333,
      1.3889,
      1.4444,
      1.5,
      1.5556,
      1.6111,
      1.6667,
      1.7222,
      1.7778,
      1.8333,
      1.8889,
      1.9444
    ],
    "TaskName": "restingstate",
    "TotalReadoutTime": 0.026945238983542674,
    "UsePhilipsFloatNotDisplayScaling": 1,
    "WaterFatShift": 12,
    "acq_id": "seq",
    "dataset": "ds002790",
    "modality": "bold",
    "subject_id": "0151",
    "task_id": "restingstate"
  },
  "dummy_trs": 0,
  "dvars_nstd": 19.343970602008362,
  "dvars_std": 1.257328973933054,
  "dvars_vstd": 1.0122367740585771,
  "efc": 0.4279528462208713,
  "fber": 236789.96875,
  "fd_mean": 0.1415791237999189,
  "fd_num": 28,
  "fd_perc": 11.666666666666666,
  "fwhm_avg": 2.022814049502858,
  "fwhm_x": 1.9807733333333333,
  "fwhm_y": 2.19859,
  "fwhm_z": 1.8890788151752416,
  "gcor": 0.0314913,
  "gsr_x": -0.01560306642204523,
  "gsr_y": 0.012560149654746056,
  "provenance": {
    "md5sum": "645270191b98fd55918dc926ea7d1a87",
    "settings": {
      "fd_thres": 0.2,
      "testing": false
    },
    "software": "mriqc",
    "version": "22.0.0rc1",
    "webapi_port": null,
    "webapi_url": "https://mriqc.nimh.nih.gov/api/v1"
  },
  "size_t": 240,
  "size_x": 80,
  "size_y": 80,
  "size_z": 36,
  "snr": 5.772879974664577,
  "spacing_tr": 2.0,
  "spacing_x": 3.0,
  "spacing_y": 3.0,
  "spacing_z": 3.299999952316284,
  "summary_bg_k": 80.0657708839733,
  "summary_bg_mad": 58.68783256457772,
  "summary_bg_mean": 660.0554809570312,
  "summary_bg_median": 52.67182540893555,
  "summary_bg_n": 156448.0,
  "summary_bg_p05": 4.740137147903442,
  "summary_bg_p95": 3267.6535278320216,
  "summary_bg_stdv": 1994.0869140625,
  "summary_fg_k": 2.227504803899315,
  "summary_fg_mad": 4019.0855835272973,
  "summary_fg_mean": 26447.3828125,
  "summary_fg_median": 25940.220703125,
  "summary_fg_n": 34451.0,
  "summary_fg_p05": 20287.953125,
  "summary_fg_p95": 33966.513671875,
  "summary_fg_stdv": 4493.3974609375,
  "tsnr": 98.23566436767578
}