{
  "aor": 0.0022669583333333335,
  "aqi": 0.0034588605416666666,
  "bids_meta": {
    "AcquisitionNumber": 4,
    "BidsifyVersion": "0.3.5",
    "ConversionSoftware": "dcm2niix",
    "ConversionSoftwareVersion": "v1.0.20181125  GCC6.3.0",
    "EchoTime": 0.02763,
    "EffectiveEchoSpacing": 0.0006909035636805814,
    "FlipAngle": 76.1,
    "ImageComments": "PIOP2",
    "ImageOrientationPatientDICOM": [
      0.998952,
      0.0314685,
      0.0332311,
      -0.0324405,
      0.999049,
      0.0291264
    ],
    "Manufacturer": "Philips",
    "NumberOfVolumesDiscardedByScanner": 2,
    "ParallelAcquisitionTechnique": "SENSE",
    "ParallelReductionFactorInPlane": 2,
    "PatientPosition": "HFS",
    "PhaseEncodingDirection": "j",
    "PhilipsRescaleIntercept": 0,
    "PhilipsRescaleSlope": 0.75458,
    "PhilipsScaleSlope": 0.0507793,
    "ProtocolName": "WIPtask-rest_boldSENSE",
    "PulseSequenceType": "gradient echo EPI",
    "ReconMatrixPE": 80,
    "RepetitionTime": 2,
    "SeriesDescription": "ImageMRSERIES",
    "SeriesNumber": 4,
    "SliceEncodingDirection": "k",
    "SliceTiming": [
      0.0,
      0.0556,
      0.1111,
      0.1667,
      0.2222,
      0.2778,
      0.3333,
      0.3889,
      0.4444,
      0.5,
      0.5556,
      0.6111,
      0.6667,
      0.7222,
      0.7778,
      0.8333,
      0.8889,
      0.9444,
      1.0,
      1.0556,
      1.1111,
      1.1667,
      1.2222,
      1.2778,
      1.3333,
      1.3889,
      1.4444,
      1.5,
      1.5556,
      1.6111,
      1.6667,
      1.7222,
      1.7778,
      1.8333,
      1.8889,
      1.9444
    ],
    "TaskName": "restingstate",
    "TotalReadoutTime": 0.026945238983542674,
    "UsePhilipsFloatNotDisplayScaling": 1,
    "WaterFatShift": 12,
    "acq_id": "seq",
    "dataset": "ds002790",
    "modality": "bold",
    "subject_id": "0031",
    "task_id": "restingstate"
  },
  "dummy_trs": 0,
  "dvars_nstd": 16.731598929623424,
  "dvars_std": 1.282717304937238,
  "dvars_vstd": 1.0165827649790793,
  "efc": 0.474352928393261,
  "fber": 176007.234375,
  "fd_mean": 0.0984653878971614,
  "fd_num": 7,
  "fd_perc": 2.9166666666666665,
  "fwhm_avg": 1.9227503119551417,
  "fwhm_x": 1.8278766666666666,
  "fwhm_y": 2.0874166666666665,
  "fwhm_z": 1.8529576025320922,
  "gcor": 0.0567768,
  "gsr_x": -0.011438127607107162,
  "gsr_y": 0.018473030999302864,
  "provenance": {
    "md5sum": "4a5213e2c21be0a4051528bb5c5f8c8e",
    "settings": {
      "fd_thres": 0.2,
      "testing": false
    },
    "software": "mriqc",
    "version": "22.0.0rc1",
    "webapi_port": null,
    "webapi_url": "https://mriqc.nimh.nih.gov/api/v1"
  },
  "size_t": 240,
  "size_x": 80,
  "size_y": 80,
  "size_z": 36,
  "snr": 6.49163027988263,
  "spacing_tr": 2.0,
  "spacing_x": 3.0,
  "spacing_y": 3.0,
  "spacing_z": 3.299999952316284,
  "summary_bg_k": 31.0574499479561,
  "summary_bg_mad": 92.79808650408468,
  "summary_bg_mean": 1078.4686279296875,
  "summary_bg_median": 76.77896118164062,
  "summary_bg_n": 147662.0,
  "summary_bg_p05": 7.493856430053712,
  "summary_bg_p95": 6106.259960937493,
  "summary_bg_stdv": 2720.445556640625,
  "summary_fg_k": 1.5746139987672185,
  "summary_fg_mad": 4847.547487266463,
  "summary_fg_mean": 32946.52734375,
  "summary_fg_median": 32535.55078125,
  "summary_fg_n": 41322.0,
  "summary_fg_p05": 25865.2443359375,
  "summary_fg_p95": 41375.7615234375,
  "summary_fg_stdv": 5011.8623046875,
  "tsnr": 107.70655059814453
}