{
  "bids_meta": {
    "AcquisitionNumber": 2,
    "BidsifyVersion": "0.3.5",
    "ConversionSoftware": "dcm2niix",
    "ConversionSoftwareVersion": "v1.0.20181125  GCC6.3.0",
    "EchoTime": 0.0038,
    "ImageComments": "PIOP2",
    "ImageOrientationPatientDICOM": [
      0.999368,
      0.0228312,
      -0.0272512,
      -0.0184909,
      0.988503,
      0.150065
    ],
    "Manufacturer": "Philips",
    "NumberSignalAcquisitions": 2,
    "PatientPosition": "HFS",
    "PhilipsRescaleIntercept": 0,
    "PhilipsRescaleSlope": 7.72137,
    "PhilipsScaleSlope": 0.00756021,
    "ProtocolName": "WIPT1anat_acq-6m_T1wSENSE",
    "ReconMatrixPE": 240,
    "RepetitionTime": 0.008278,
    "SeriesDescription": "ImageMRSERIES",
    "SeriesNumber": 2,
    "UsePhilipsFloatNotDisplayScaling": 1,
    "dataset": "ds002790",
    "modality": "T1w",
    "subject_id": "0180"
  },
  "cjv": 0.25870878348544835,
  "cnr": 4.680353345456669,
  "efc": 0.7604534156883471,
  "fber": 2486.65234375,
  "fwhm_avg": 4.75985,
  "fwhm_x": 4.4329,
  "fwhm_y": 4.90247,
  "fwhm_z": 4.94418,
  "icvs_csf": 0.26306342562799884,
  "icvs_gm": 0.3757257803638294,
  "icvs_wm": 0.36121079400817174,
  "inu_med": 1.597296953201294,
  "inu_range": 0.30074234008789036,
  "provenance": {
    "md5sum": "3914f3e4d1de7722e8f87fc580551cfa",
    "settings": {
      "testing": false
    },
    "software": "mriqc",
    "version": "22.0.0rc1",
    "warnings": {
      "large_rot_frame": true,
      "small_air_mask": true
    },
    "webapi_port": null,
    "webapi_url": "https://mriqc.nimh.nih.gov/api/v1"
  },
  "qi_1": 2.4428461251225786e-05,
  "qi_2": 7.830652669051187e-05,
  "rpve_csf": 23.51318496423178,
  "rpve_gm": 15.467416373670362,
  "rpve_wm": 21.56356562888143,
  "size_x": 240,
  "size_y": 240,
  "size_z": 220,
  "snr_csf": 3.631865439092709,
  "snr_gm": 10.174401797167075,
  "snr_total": 14.015914703261174,
  "snr_wm": 28.241476873523734,
  "snrd_csf": 30.479205231083956,
  "snrd_gm": 62.09780424811507,
  "snrd_total": 62.497462311895276,
  "snrd_wm": 94.91537745648681,
  "spacing_x": 1.0,
  "spacing_y": 1.0,
  "spacing_z": 1.0,
  "summary_bg_k": 94.30121007729251,
  "summary_bg_mad": 6.902263015624237,
  "summary_bg_mean": 8.50311279296875,
  "summary_bg_median": 4.821474552154541,
  "summary_bg_n": 139365.0,
  "summary_bg_p05": 0.0,
  "summary_bg_p95": 23.517865371704097,
  "summary_bg_stdv": 8.30016803741455,
  "summary_csf_k": -0.008584113570933027,
  "summary_csf_mad": 84.47837398080043,
  "summary_csf_mean": 304.1914978027344,
  "summary_csf_median": 321.1170959472656,
  "summary_csf_n": 19311.0,
  "summary_csf_p05": 138.3650894165039,
  "summary_csf_p95": 423.88343811035156,
  "summary_csf_stdv": 88.4142837524414,
  "summary_gm_k": 0.7048380097943228,
  "summary_gm_mad": 58.30289788661409,
  "summary_gm_mean": 657.7400512695312,
  "summary_gm_median": 654.2384033203125,
  "summary_gm_n": 22004.0,
  "summary_gm_p05": 558.8665466308594,
  "summary_gm_p95": 768.8368682861328,
  "summary_gm_stdv": 64.30093383789062,
  "summary_wm_k": 0.9933805844895351,
  "summary_wm_mad": 31.146500891023905,
  "summary_wm_mean": 998.28515625,
  "summary_wm_median": 999.9916381835938,
  "summary_wm_n": 215911.0,
  "summary_wm_p05": 935.8306274414062,
  "summary_wm_p95": 1053.1665649414062,
  "summary_wm_stdv": 35.40853500366211,
  "tpm_overlap_csf": 0.16376566886901855,
  "tpm_overlap_gm": 0.4373929798603058,
  "tpm_overlap_wm": 0.5209406614303589,
  "wm2max": 0.776477048179804
}