{
  "aor": 0.002065154185022027,
  "aqi": 0.004271234405286344,
  "bids_meta": {
    "AcquisitionNumber": 7,
    "BidsifyVersion": "0.3.5",
    "ConversionSoftware": "dcm2niix",
    "ConversionSoftwareVersion": "v1.0.20181125  GCC6.3.0",
    "EchoTime": 0.02763,
    "EffectiveEchoSpacing": 0.0006909035636805814,
    "FlipAngle": 76.1,
    "ImageComments": "PIOP2",
    "ImageOrientationPatientDICOM": [
      0.99683,
      0.0769785,
      -0.0201197,
      -0.0781021,
      0.994965,
      -0.0628043
    ],
    "Manufacturer": "Philips",
    "NumberOfVolumesDiscardedByScanner": 2,
    "ParallelAcquisitionTechnique": "SENSE",
    "ParallelReductionFactorInPlane": 2,
    "PatientPosition": "HFS",
    "PhaseEncodingDirection": "j",
    "PhilipsRescaleIntercept": 0,
    "PhilipsRescaleSlope": 0.75238,
    "PhilipsScaleSlope": 0.0511198,
    "ProtocolName": "WIPtask-stop_boldSENSE",
    "PulseSequenceType": "gradient echo EPI",
    "ReconMatrixPE": 80,
    "RepetitionTime": 2,
    "SeriesDescription": "ImageMRSERIES",
    "SeriesNumber": 7,
    "SliceEncodingDirection": "k",
    "SliceTiming": [
      0.0,
      0.0556,
      0.1111,
      0.1667,
      0.2222,
      0.2778,
      0.3333,
      0.3889,
      0.4444,
      0.5,
      0.5556,
      0.6111,
      0.6667,
      0.7222,
      0.7778,
      0.8333,
      0.8889,
      0.9444,
      1.0,
      1.0556,
      1.1111,
      1.1667,
      1.2222,
      1.2778,
      1.3333,
      1.3889,
      1.4444,
      1.5,
      1.5556,
      1.6111,
      1.6667,
      1.7222,
      1.7778,
      1.8333,
      1.8889,
      1.9444
    ],
    "TaskName": "stopsignal",
    "TotalReadoutTime": 0.026945238983542674,
    "UsePhilipsFloatNotDisplayScaling": 1,
    "WaterFatShift": 12,
    "acq_id": "seq",
    "dataset": "ds002790",
    "modality": "bold",
    "subject_id": "0195",
    "task_id": "stopsignal"
  },
  "dummy_trs": 0,
  "dvars_nstd": 17.350191943362834,
  "dvars_std": 1.1662437135840715,
  "dvars_vstd": 0.9840790611504425,
  "efc": 0.44940643194890684,
  "fber": 201646.8125,
  "fd_mean": 0.10791931555802098,
  "fd_num": 13,
  "fd_perc": 5.726872246696035,
  "fwhm_avg": 1.9493250591557845,
  "fwhm_x": 1.9321833333333334,
  "fwhm_y": 2.1197433333333335,
  "fwhm_z": 1.796048510800687,
  "gcor": 0.0278311,
  "gsr_x": -0.008591484278440475,
  "gsr_y": 0.008380522951483727,
  "provenance": {
    "md5sum": "9e84c73b5fe47e8403ac441f9a71a0a0",
    "settings": {
      "fd_thres": 0.2,
      "testing": false
    },
    "software": "mriqc",
    "version": "22.0.0rc1",
    "webapi_port": null,
    "webapi_url": "https://mriqc.nimh.nih.gov/api/v1"
  },
  "size_t": 227,
  "size_x": 80,
  "size_y": 80,
  "size_z": 36,
  "snr": 5.999391877788557,
  "spacing_tr": 2.0,
  "spacing_x": 3.0,
  "spacing_y": 3.0,
  "spacing_z": 3.299999952316284,
  "summary_bg_k": 51.766451747697296,
  "summary_bg_mad": 67.61143370826647,
  "summary_bg_mean": 672.783935546875,
  "summary_bg_median": 59.336936950683594,
  "summary_bg_n": 150314.0,
  "summary_bg_p05": 5.872896313667298,
  "summary_bg_p95": 3242.9214599609386,
  "summary_bg_stdv": 1911.21337890625,
  "summary_fg_k": 1.8647309841418025,
  "summary_fg_mad": 4299.647783427276,
  "summary_fg_mean": 27582.94140625,
  "summary_fg_median": 27155.0234375,
  "summary_fg_n": 38242.0,
  "summary_fg_p05": 21062.030078125,
  "summary_fg_p95": 34850.21328125,
  "summary_fg_stdv": 4526.23681640625,
  "tsnr": 88.5098876953125
}