{
  "bids_meta": {
    "AcquisitionNumber": 2,
    "BidsifyVersion": "0.3.5",
    "ConversionSoftware": "dcm2niix",
    "ConversionSoftwareVersion": "v1.0.20181125  GCC6.3.0",
    "EchoTime": 0.00372,
    "ImageComments": "PIOP2",
    "ImageOrientationPatientDICOM": [
      0.999578,
      0.0117145,
      0.0265669,
      -0.0125617,
      0.99941,
      0.0319517
    ],
    "Manufacturer": "Philips",
    "NumberSignalAcquisitions": 2,
    "PatientPosition": "HFS",
    "PhilipsRescaleIntercept": 0,
    "PhilipsRescaleSlope": 8.88327,
    "PhilipsScaleSlope": 0.00690939,
    "ProtocolName": "WIPT1anat_acq-6m_T1wSENSE",
    "ReconMatrixPE": 240,
    "RepetitionTime": 0.008127,
    "SeriesDescription": "ImageMRSERIES",
    "SeriesNumber": 2,
    "UsePhilipsFloatNotDisplayScaling": 1,
    "dataset": "ds002790",
    "modality": "T1w",
    "subject_id": "0029"
  },
  "cjv": 0.2766810353564286,
  "cnr": 4.373908038909493,
  "efc": 0.7785415521898982,
  "fber": 1264.048095703125,
  "fwhm_avg": 4.612849827754121,
  "fwhm_x": 4.334709483262363,
  "fwhm_y": 4.68052,
  "fwhm_z": 4.82332,
  "icvs_csf": 0.25591314188476777,
  "icvs_gm": 0.3933099020796751,
  "icvs_wm": 0.35077695603555714,
  "inu_med": 1.1926995515823364,
  "inu_range": 0.3687899351119994,
  "provenance": {
    "md5sum": "0c52f394835eec8a1e1e3d8dd0556426",
    "settings": {
      "testing": false
    },
    "software": "mriqc",
    "version": "22.0.0rc1",
    "warnings": {
      "large_rot_frame": true,
      "small_air_mask": true
    },
    "webapi_port": null,
    "webapi_url": "https://mriqc.nimh.nih.gov/api/v1"
  },
  "qi_1": 0.0,
  "qi_2": 0.00012908300990563482,
  "rpve_csf": 20.585628355088897,
  "rpve_gm": 13.063943718702602,
  "rpve_wm": 18.935138175387095,
  "size_x": 240,
  "size_y": 240,
  "size_z": 220,
  "snr_csf": 2.1342030846812885,
  "snr_gm": 8.91230473198299,
  "snr_total": 12.706573744970852,
  "snr_wm": 27.073213418248276,
  "snrd_csf": 21.938168064217372,
  "snrd_gm": 43.01900788336723,
  "snrd_total": 43.9376923900073,
  "snrd_wm": 66.85590122243728,
  "spacing_x": 1.0000001192092896,
  "spacing_y": 1.0,
  "spacing_z": 1.0,
  "summary_bg_k": 10.070611205379482,
  "summary_bg_mad": 9.799294962881905,
  "summary_bg_mean": 10.511313438415527,
  "summary_bg_median": 6.733462333679199,
  "summary_bg_n": 165196.0,
  "summary_bg_p05": 0.0,
  "summary_bg_p95": 26.687401294708252,
  "summary_bg_stdv": 8.245072364807129,
  "summary_csf_k": 92.30378972403868,
  "summary_csf_mad": 116.18641589153482,
  "summary_csf_mean": 317.6139831542969,
  "summary_csf_median": 328.14324951171875,
  "summary_csf_n": 25255.0,
  "summary_csf_p05": 113.82379684448242,
  "summary_csf_p95": 474.65224304199216,
  "summary_csf_stdv": 153.7514190673828,
  "summary_gm_k": 0.5349799090011937,
  "summary_gm_mad": 66.9047326269459,
  "summary_gm_mean": 650.62353515625,
  "summary_gm_median": 643.462890625,
  "summary_gm_n": 24728.0,
  "summary_gm_p05": 544.4760375976563,
  "summary_gm_p95": 784.1418701171875,
  "summary_gm_stdv": 72.19792175292969,
  "summary_wm_k": 1.5882033924720762,
  "summary_wm_mad": 31.744147763101555,
  "summary_wm_mean": 998.9569702148438,
  "summary_wm_median": 1000.006591796875,
  "summary_wm_n": 231024.0,
  "summary_wm_p05": 935.296826171875,
  "summary_wm_p95": 1055.6669372558595,
  "summary_wm_stdv": 36.937042236328125,
  "tpm_overlap_csf": 0.17158325016498566,
  "tpm_overlap_gm": 0.45181652903556824,
  "tpm_overlap_wm": 0.5167882442474365,
  "wm2max": 0.7321612390843522
}