{
  "aor": 0.002204,
  "aqi": 0.0020731703703703703,
  "bids_meta": {
    "AcquisitionNumber": 8,
    "BidsifyVersion": "0.3.5",
    "ConversionSoftware": "dcm2niix",
    "ConversionSoftwareVersion": "v1.0.20181125  GCC6.3.0",
    "EchoTime": 0.02763,
    "EffectiveEchoSpacing": 0.0006909035636805814,
    "FlipAngle": 76.1,
    "ImageComments": "PIOP2",
    "ImageOrientationPatientDICOM": [
      0.999005,
      -0.0363116,
      0.025874,
      0.0378541,
      0.997367,
      -0.0618552
    ],
    "Manufacturer": "Philips",
    "NumberOfVolumesDiscardedByScanner": 2,
    "ParallelAcquisitionTechnique": "SENSE",
    "ParallelReductionFactorInPlane": 2,
    "PatientPosition": "HFS",
    "PhaseEncodingDirection": "j",
    "PhilipsRescaleIntercept": 0,
    "PhilipsRescaleSlope": 0.77656,
    "PhilipsScaleSlope": 0.054476,
    "ProtocolName": "WIPtask-harriri_boldSENSE",
    "PulseSequenceType": "gradient echo EPI",
    "ReconMatrixPE": 80,
    "RepetitionTime": 2,
    "SeriesDescription": "ImageMRSERIES",
    "SeriesNumber": 8,
    "SliceEncodingDirection": "k",
    "SliceTiming": [
      0.0,
      0.0556,
      0.1111,
      0.1667,
      0.2222,
      0.2778,
      0.3333,
      0.3889,
      0.4444,
      0.5,
      0.5556,
      0.6111,
      0.6667,
      0.7222,
      0.7778,
      0.8333,
      0.8889,
      0.9444,
      1.0,
      1.0556,
      1.1111,
      1.1667,
      1.2222,
      1.2778,
      1.3333,
      1.3889,
      1.4444,
      1.5,
      1.5556,
      1.6111,
      1.6667,
      1.7222,
      1.7778,
      1.8333,
      1.8889,
      1.9444
    ],
    "TaskName": "emomatching",
    "TotalReadoutTime": 0.026945238983542674,
    "UsePhilipsFloatNotDisplayScaling": 1,
    "WaterFatShift": 12,
    "acq_id": "seq",
    "dataset": "ds002790",
    "modality": "bold",
    "subject_id": "0168",
    "task_id": "emomatching"
  },
  "dummy_trs": 0,
  "dvars_nstd": 17.71737091537313,
  "dvars_std": 1.2941505525373136,
  "dvars_vstd": 1.0204788631343285,
  "efc": 0.40812549579172774,
  "fber": 294557.0,
  "fd_mean": 0.1710315396112847,
  "fd_num": 43,
  "fd_perc": 31.85185185185185,
  "fwhm_avg": 2.0682255648875962,
  "fwhm_x": 2.04731,
  "fwhm_y": 2.219866666666667,
  "fwhm_z": 1.9375000279961214,
  "gcor": 0.0301185,
  "gsr_x": -0.0161088015884161,
  "gsr_y": 0.009436924941837788,
  "provenance": {
    "md5sum": "01c711f06d12a3821a7500c3afbf995c",
    "settings": {
      "fd_thres": 0.2,
      "testing": false
    },
    "software": "mriqc",
    "version": "22.0.0rc1",
    "webapi_port": null,
    "webapi_url": "https://mriqc.nimh.nih.gov/api/v1"
  },
  "size_t": 135,
  "size_x": 80,
  "size_y": 80,
  "size_z": 36,
  "snr": 5.541168972893119,
  "spacing_tr": 2.0,
  "spacing_x": 3.0,
  "spacing_y": 3.0,
  "spacing_z": 3.299999952316284,
  "summary_bg_k": 129.39676596330904,
  "summary_bg_mad": 50.666117748252475,
  "summary_bg_mean": 430.0753173828125,
  "summary_bg_median": 46.70712661743164,
  "summary_bg_n": 156984.0,
  "summary_bg_p05": 2.2841188311576843,
  "summary_bg_p95": 1899.1751525878915,
  "summary_bg_stdv": 1516.8243408203125,
  "summary_fg_k": 1.6942873590593353,
  "summary_fg_mad": 4350.260406232257,
  "summary_fg_mean": 26771.677734375,
  "summary_fg_median": 26338.96875,
  "summary_fg_n": 33214.0,
  "summary_fg_p05": 19901.7498046875,
  "summary_fg_p95": 34783.2830078125,
  "summary_fg_stdv": 4753.251953125,
  "tsnr": 114.53923034667969
}