{
  "bids_meta": {
    "AcquisitionNumber": 2,
    "BidsifyVersion": "0.3.5",
    "ConversionSoftware": "dcm2niix",
    "ConversionSoftwareVersion": "v1.0.20181125  GCC6.3.0",
    "EchoTime": 0.00374,
    "ImageComments": "PIOP2",
    "ImageOrientationPatientDICOM": [
      0.999792,
      -0.0197318,
      0.0052549,
      0.0193715,
      0.997918,
      0.0615103
    ],
    "Manufacturer": "Philips",
    "NumberSignalAcquisitions": 2,
    "PatientPosition": "HFS",
    "PhilipsRescaleIntercept": 0,
    "PhilipsRescaleSlope": 7.82344,
    "PhilipsScaleSlope": 0.0073415,
    "ProtocolName": "WIPT1anat_acq-6m_T1wSENSE",
    "ReconMatrixPE": 240,
    "RepetitionTime": 0.008157,
    "SeriesDescription": "ImageMRSERIES",
    "SeriesNumber": 2,
    "UsePhilipsFloatNotDisplayScaling": 1,
    "dataset": "ds002790",
    "modality": "T1w",
    "subject_id": "0194"
  },
  "cjv": 0.27359273588592287,
  "cnr": 4.365852546568581,
  "efc": 0.7335929672946214,
  "fber": 1790.5859375,
  "fwhm_avg": 4.481803333333334,
  "fwhm_x": 4.28003,
  "fwhm_y": 4.50289,
  "fwhm_z": 4.66249,
  "icvs_csf": 0.2705720219292313,
  "icvs_gm": 0.3911446273648586,
  "icvs_wm": 0.33828335070591015,
  "inu_med": 2.0570168495178223,
  "inu_range": 0.3460544288158418,
  "provenance": {
    "md5sum": "a43ebeb4837e268fd92b033db8b18528",
    "settings": {
      "testing": false
    },
    "software": "mriqc",
    "version": "22.0.0rc1",
    "warnings": {
      "large_rot_frame": true,
      "small_air_mask": true
    },
    "webapi_port": null,
    "webapi_url": "https://mriqc.nimh.nih.gov/api/v1"
  },
  "qi_1": 7.252376664269354e-05,
  "qi_2": 4.851417204643466e-05,
  "rpve_csf": 26.662502865487642,
  "rpve_gm": 17.421945155922955,
  "rpve_wm": 26.67278855893405,
  "size_x": 240,
  "size_y": 240,
  "size_z": 220,
  "snr_csf": 2.3402144705653525,
  "snr_gm": 9.320792237053883,
  "snr_total": 12.067712217323056,
  "snr_wm": 24.54212994434993,
  "snrd_csf": 28.294964671762468,
  "snrd_gm": 60.22746398291332,
  "snrd_total": 60.55888774770469,
  "snrd_wm": 93.15423458843827,
  "spacing_x": 1.0,
  "spacing_y": 1.0,
  "spacing_z": 1.0,
  "summary_bg_k": 57.89714015172132,
  "summary_bg_mad": 7.032781939183666,
  "summary_bg_mean": 8.023879051208496,
  "summary_bg_median": 4.878189563751221,
  "summary_bg_n": 176037.0,
  "summary_bg_p05": 0.0,
  "summary_bg_p95": 19.748901367187496,
  "summary_bg_stdv": 9.124656677246094,
  "summary_csf_k": 181.762505096021,
  "summary_csf_mad": 89.4184056587514,
  "summary_csf_mean": 288.01611328125,
  "summary_csf_median": 303.7418212890625,
  "summary_csf_n": 11040.0,
  "summary_csf_p05": 109.36427307128906,
  "summary_csf_p95": 419.80406188964844,
  "summary_csf_stdv": 129.7864227294922,
  "summary_gm_k": 0.8830182835930551,
  "summary_gm_mad": 62.5923455405205,
  "summary_gm_mean": 651.7666625976562,
  "summary_gm_median": 646.531982421875,
  "summary_gm_n": 19166.0,
  "summary_gm_p05": 550.5605316162109,
  "summary_gm_p95": 779.0081481933594,
  "summary_gm_stdv": 69.36267852783203,
  "summary_wm_k": 1.1672445781952758,
  "summary_wm_mad": 34.1127007274738,
  "summary_wm_mean": 996.9598999023438,
  "summary_wm_median": 999.9954833984375,
  "summary_wm_n": 160593.0,
  "summary_wm_p05": 922.6303100585938,
  "summary_wm_p95": 1059.07890625,
  "summary_wm_stdv": 40.745948791503906,
  "tpm_overlap_csf": 0.15736635029315948,
  "tpm_overlap_gm": 0.4362640380859375,
  "tpm_overlap_wm": 0.5128029584884644,
  "wm2max": 0.7894400890206045
}