{
  "aor": 0.00488,
  "aqi": 0.002985206863636363,
  "bids_meta": {
    "AcquisitionNumber": 7,
    "BidsifyVersion": "0.3.5",
    "ConversionSoftware": "dcm2niix",
    "ConversionSoftwareVersion": "v1.0.20181125  GCC6.3.0",
    "EchoTime": 0.02763,
    "FlipAngle": 76.1,
    "ImageComments": "PIOP2",
    "ImageOrientationPatientDICOM": [
      0.99943,
      0.00512027,
      -0.0333818,
      -0.0109897,
      0.983951,
      -0.178102
    ],
    "Manufacturer": "Philips",
    "NumberOfVolumesDiscardedByScanner": 2,
    "ParallelAcquisitionTechnique": "SENSE",
    "ParallelReductionFactorInPlane": 2,
    "PatientPosition": "HFS",
    "PhaseEncodingDirection": "j",
    "PhilipsRescaleIntercept": 0,
    "PhilipsRescaleSlope": 0.84762,
    "PhilipsScaleSlope": 0.0643505,
    "ProtocolName": "WIPtask-stop_boldSENSE",
    "PulseSequenceType": "gradient echo EPI",
    "ReconMatrixPE": 80,
    "RepetitionTime": 2,
    "SeriesDescription": "ImageMRSERIES",
    "SeriesNumber": 7,
    "SliceEncodingDirection": "k",
    "TaskName": "stopsignal",
    "UsePhilipsFloatNotDisplayScaling": 1,
    "WaterFatShift": 12,
    "acq_id": "seq",
    "dataset": "ds002790",
    "modality": "bold",
    "subject_id": "0204",
    "task_id": "stopsignal"
  },
  "dummy_trs": 0,
  "dvars_nstd": 19.553039685662092,
  "dvars_std": 1.3035097078082194,
  "dvars_vstd": 1.0461164796803657,
  "efc": 0.4071302870776968,
  "fber": 232650.921875,
  "fd_mean": 0.1170906228490113,
  "fd_num": 19,
  "fd_perc": 8.636363636363637,
  "fwhm_avg": 2.116630312568448,
  "fwhm_x": 2.096886666666667,
  "fwhm_y": 2.2727133333333334,
  "fwhm_z": 1.9802909377053426,
  "gcor": 0.0727096,
  "gsr_x": -0.016253765672445297,
  "gsr_y": 0.012964118272066116,
  "provenance": {
    "md5sum": "ca83952ae1426163aae67907ec602d16",
    "settings": {
      "fd_thres": 0.2,
      "testing": false
    },
    "software": "mriqc",
    "version": "23.0.1",
    "webapi_port": null,
    "webapi_url": "https://mriqc.nimh.nih.gov/api/v1"
  },
  "size_t": 220,
  "size_x": 80,
  "size_y": 80,
  "size_z": 36,
  "snr": 5.482208109022602,
  "spacing_tr": 2.0,
  "spacing_x": 3.0,
  "spacing_y": 3.0,
  "spacing_z": 3.299999952316284,
  "summary_bg_k": 68.95695948933533,
  "summary_bg_mad": 49.922348642237964,
  "summary_bg_mean": 494.6507568359375,
  "summary_bg_median": 47.3494758605957,
  "summary_bg_n": 159242.0,
  "summary_bg_p05": 5.982682418823242,
  "summary_bg_p95": 2490.996154785154,
  "summary_bg_stdv": 1392.1116943359375,
  "summary_fg_k": 1.0337178654475503,
  "summary_fg_mad": 3982.923988791559,
  "summary_fg_mean": 23774.859375,
  "summary_fg_median": 23373.1875,
  "summary_fg_n": 31239.0,
  "summary_fg_p05": 17297.9529296875,
  "summary_fg_p95": 30911.596093749995,
  "summary_fg_stdv": 4263.39404296875,
  "tsnr": 93.9174575805664
}