{
  "aor": 0.004369703703703703,
  "aqi": 0.005361637999999999,
  "bids_meta": {
    "AcquisitionNumber": 8,
    "BidsifyVersion": "0.3.5",
    "ConversionSoftware": "dcm2niix",
    "ConversionSoftwareVersion": "v1.0.20181125  GCC6.3.0",
    "EchoTime": 0.02763,
    "FlipAngle": 76.1,
    "ImageComments": "PIOP2",
    "ImageOrientationPatientDICOM": [
      0.99943,
      0.00512027,
      -0.0333818,
      -0.0109897,
      0.983951,
      -0.178102
    ],
    "Manufacturer": "Philips",
    "NumberOfVolumesDiscardedByScanner": 2,
    "ParallelAcquisitionTechnique": "SENSE",
    "ParallelReductionFactorInPlane": 2,
    "PatientPosition": "HFS",
    "PhaseEncodingDirection": "j",
    "PhilipsRescaleIntercept": 0,
    "PhilipsRescaleSlope": 0.81709,
    "PhilipsScaleSlope": 0.0658682,
    "ProtocolName": "WIPtask-harriri_boldSENSE",
    "PulseSequenceType": "gradient echo EPI",
    "ReconMatrixPE": 80,
    "RepetitionTime": 2,
    "SeriesDescription": "ImageMRSERIES",
    "SeriesNumber": 8,
    "SliceEncodingDirection": "k",
    "TaskName": "emomatching",
    "UsePhilipsFloatNotDisplayScaling": 1,
    "WaterFatShift": 12,
    "acq_id": "seq",
    "dataset": "ds002790",
    "modality": "bold",
    "subject_id": "0204",
    "task_id": "emomatching"
  },
  "dummy_trs": 0,
  "dvars_nstd": 21.169596415820898,
  "dvars_std": 1.1983349829104468,
  "dvars_vstd": 1.014911340597015,
  "efc": 0.4069761450657802,
  "fber": 233630.859375,
  "fd_mean": 0.16505737812743748,
  "fd_num": 30,
  "fd_perc": 22.22222222222222,
  "fwhm_avg": 2.1014256661261466,
  "fwhm_x": 2.0809966666666666,
  "fwhm_y": 2.23835,
  "fwhm_z": 1.984930331711774,
  "gcor": 0.0959245,
  "gsr_x": -0.015659170225262642,
  "gsr_y": 0.012671653181314468,
  "provenance": {
    "md5sum": "8fb1cf15bc302f42594b3ddf83266908",
    "settings": {
      "fd_thres": 0.2,
      "testing": false
    },
    "software": "mriqc",
    "version": "23.0.1",
    "webapi_port": null,
    "webapi_url": "https://mriqc.nimh.nih.gov/api/v1"
  },
  "size_t": 135,
  "size_x": 80,
  "size_y": 80,
  "size_z": 36,
  "snr": 5.5773737749697325,
  "spacing_tr": 2.0,
  "spacing_x": 3.0,
  "spacing_y": 3.0,
  "spacing_z": 3.299999952316284,
  "summary_bg_k": 69.11734229104538,
  "summary_bg_mad": 49.378569281261676,
  "summary_bg_mean": 493.73101806640625,
  "summary_bg_median": 46.93315124511719,
  "summary_bg_n": 159318.0,
  "summary_bg_p05": 6.09309606552124,
  "summary_bg_p95": 2455.1673706054667,
  "summary_bg_stdv": 1397.575439453125,
  "summary_fg_k": 1.0683106801684286,
  "summary_fg_mad": 3868.938808267838,
  "summary_fg_mean": 23637.5,
  "summary_fg_median": 23213.28515625,
  "summary_fg_n": 31150.0,
  "summary_fg_p05": 17326.84609375,
  "summary_fg_p95": 30600.57109375,
  "summary_fg_stdv": 4161.97900390625,
  "tsnr": 72.26560974121094
}