{
  "bids_meta": {
    "AcquisitionNumber": 2,
    "BidsifyVersion": "0.3.5",
    "ConversionSoftware": "dcm2niix",
    "ConversionSoftwareVersion": "v1.0.20181125  GCC6.3.0",
    "EchoTime": 0.00374,
    "ImageComments": "PIOP2",
    "ImageOrientationPatientDICOM": [
      0.999568,
      0.0148787,
      -0.0253481,
      -0.015528,
      0.999551,
      -0.0256118
    ],
    "Manufacturer": "Philips",
    "NumberSignalAcquisitions": 2,
    "PatientPosition": "HFS",
    "PhilipsRescaleIntercept": 0,
    "PhilipsRescaleSlope": 8.72039,
    "PhilipsScaleSlope": 0.00717116,
    "ProtocolName": "WIPT1anat_acq-6m_T1wSENSE",
    "ReconMatrixPE": 240,
    "RepetitionTime": 0.008189,
    "SeriesDescription": "ImageMRSERIES",
    "SeriesNumber": 2,
    "UsePhilipsFloatNotDisplayScaling": 1,
    "dataset": "ds002790",
    "modality": "T1w",
    "subject_id": "0070"
  },
  "cjv": 0.25773658921270093,
  "cnr": 4.718854176034758,
  "efc": 0.7574604760200345,
  "fber": 1646.48388671875,
  "fwhm_avg": 4.7634533333333335,
  "fwhm_x": 4.45628,
  "fwhm_y": 4.77455,
  "fwhm_z": 5.05953,
  "icvs_csf": 0.276727908159118,
  "icvs_gm": 0.3839841720861382,
  "icvs_wm": 0.33928791975474376,
  "inu_med": 1.6640946865081787,
  "inu_range": 0.343275499343872,
  "provenance": {
    "md5sum": "11a413e33977790c485727e83ad54880",
    "settings": {
      "testing": false
    },
    "software": "mriqc",
    "version": "22.0.0rc1",
    "warnings": {
      "large_rot_frame": true,
      "small_air_mask": true
    },
    "webapi_port": null,
    "webapi_url": "https://mriqc.nimh.nih.gov/api/v1"
  },
  "qi_1": 0.0,
  "qi_2": 0.0002684922388027435,
  "rpve_csf": 20.964394890299893,
  "rpve_gm": 14.060110294117647,
  "rpve_wm": 20.616911929581637,
  "size_x": 240,
  "size_y": 240,
  "size_z": 220,
  "snr_csf": 3.1049660881714622,
  "snr_gm": 9.49392919197691,
  "snr_total": 13.104655260744314,
  "snr_wm": 26.715070502084572,
  "snrd_csf": 26.421253217682892,
  "snrd_gm": 55.48779887349765,
  "snrd_total": 56.36323091525287,
  "snrd_wm": 87.18064065457806,
  "spacing_x": 1.0,
  "spacing_y": 1.0,
  "spacing_z": 1.0,
  "summary_bg_k": 2.51960021076363,
  "summary_bg_mad": 7.514683227240516,
  "summary_bg_mean": 9.11658763885498,
  "summary_bg_median": 10.260368347167969,
  "summary_bg_n": 134160.0,
  "summary_bg_p05": 0.0,
  "summary_bg_p95": 21.048933696746825,
  "summary_bg_stdv": 6.286104679107666,
  "summary_csf_k": 1.397989866869569,
  "summary_csf_mad": 109.19776167789365,
  "summary_csf_mean": 292.0695495605469,
  "summary_csf_median": 303.0626220703125,
  "summary_csf_n": 33637.0,
  "summary_csf_p05": 123.88498077392579,
  "summary_csf_p95": 430.21911010742184,
  "summary_csf_stdv": 97.60432434082031,
  "summary_gm_k": 0.7913019196056865,
  "summary_gm_mad": 60.262477417970224,
  "summary_gm_mean": 642.8001098632812,
  "summary_gm_median": 636.4678344726562,
  "summary_gm_n": 33440.0,
  "summary_gm_p05": 544.0862091064453,
  "summary_gm_p95": 766.0428253173828,
  "summary_gm_stdv": 67.0384521484375,
  "summary_wm_k": 1.1093046035454615,
  "summary_wm_mad": 33.43248094741359,
  "summary_wm_mean": 997.8961791992188,
  "summary_wm_median": 999.9977416992188,
  "summary_wm_n": 208067.0,
  "summary_wm_p05": 932.6627075195313,
  "summary_wm_p95": 1054.8093383789062,
  "summary_wm_stdv": 37.431880950927734,
  "tpm_overlap_csf": 0.16773147881031036,
  "tpm_overlap_gm": 0.45935145020484924,
  "tpm_overlap_wm": 0.5168426036834717,
  "wm2max": 0.8044653303393831
}