{
  "aor": 0.0022855555555555554,
  "aqi": 0.0030896155555555555,
  "bids_meta": {
    "AcquisitionNumber": 8,
    "BidsifyVersion": "0.3.5",
    "ConversionSoftware": "dcm2niix",
    "ConversionSoftwareVersion": "v1.0.20181125  GCC6.3.0",
    "EchoTime": 0.02763,
    "EffectiveEchoSpacing": 0.0006909035636805814,
    "FlipAngle": 76.1,
    "ImageComments": "PIOP2",
    "ImageOrientationPatientDICOM": [
      0.999756,
      0.0125649,
      -0.0181707,
      -0.01588,
      0.980539,
      -0.195682
    ],
    "Manufacturer": "Philips",
    "NumberOfVolumesDiscardedByScanner": 2,
    "ParallelAcquisitionTechnique": "SENSE",
    "ParallelReductionFactorInPlane": 2,
    "PatientPosition": "HFS",
    "PhaseEncodingDirection": "j",
    "PhilipsRescaleIntercept": 0,
    "PhilipsRescaleSlope": 0.79219,
    "PhilipsScaleSlope": 0.0621021,
    "ProtocolName": "WIPtask-harriri_boldSENSE",
    "PulseSequenceType": "gradient echo EPI",
    "ReconMatrixPE": 80,
    "RepetitionTime": 2,
    "SeriesDescription": "ImageMRSERIES",
    "SeriesNumber": 8,
    "SliceEncodingDirection": "k",
    "SliceTiming": [
      0.0,
      0.0556,
      0.1111,
      0.1667,
      0.2222,
      0.2778,
      0.3333,
      0.3889,
      0.4444,
      0.5,
      0.5556,
      0.6111,
      0.6667,
      0.7222,
      0.7778,
      0.8333,
      0.8889,
      0.9444,
      1.0,
      1.0556,
      1.1111,
      1.1667,
      1.2222,
      1.2778,
      1.3333,
      1.3889,
      1.4444,
      1.5,
      1.5556,
      1.6111,
      1.6667,
      1.7222,
      1.7778,
      1.8333,
      1.8889,
      1.9444
    ],
    "TaskName": "emomatching",
    "TotalReadoutTime": 0.026945238983542674,
    "UsePhilipsFloatNotDisplayScaling": 1,
    "WaterFatShift": 12,
    "acq_id": "seq",
    "dataset": "ds002790",
    "modality": "bold",
    "subject_id": "0026",
    "task_id": "emomatching"
  },
  "dummy_trs": 0,
  "dvars_nstd": 19.1303587525373,
  "dvars_std": 1.3250111316417912,
  "dvars_vstd": 1.0210592557462685,
  "efc": 0.39722882541377524,
  "fber": 214113.265625,
  "fd_mean": 0.10554366287305238,
  "fd_num": 6,
  "fd_perc": 4.444444444444445,
  "fwhm_avg": 1.9189605138303367,
  "fwhm_x": 1.87885,
  "fwhm_y": 2.05518,
  "fwhm_z": 1.8228515414910107,
  "gcor": 0.0294907,
  "gsr_x": -0.014239936135709286,
  "gsr_y": 0.0083921542391181,
  "provenance": {
    "md5sum": "f9912b4993885f6a624433b55da97c7c",
    "settings": {
      "fd_thres": 0.2,
      "testing": false
    },
    "software": "mriqc",
    "version": "22.0.0rc1",
    "webapi_port": null,
    "webapi_url": "https://mriqc.nimh.nih.gov/api/v1"
  },
  "size_t": 135,
  "size_x": 80,
  "size_y": 80,
  "size_z": 36,
  "snr": 6.085580896512843,
  "spacing_tr": 2.0,
  "spacing_x": 3.0,
  "spacing_y": 3.0,
  "spacing_z": 3.299999952316284,
  "summary_bg_k": 120.34087271117873,
  "summary_bg_mad": 46.699010549083866,
  "summary_bg_mean": 432.0774230957031,
  "summary_bg_median": 48.86271667480469,
  "summary_bg_n": 160356.0,
  "summary_bg_p05": 6.113375186920166,
  "summary_bg_p95": 1835.0899047851562,
  "summary_bg_stdv": 1490.7132568359375,
  "summary_fg_k": 2.021375799912354,
  "summary_fg_mad": 3472.920408455464,
  "summary_fg_mean": 23526.916015625,
  "summary_fg_median": 23118.421875,
  "summary_fg_n": 30169.0,
  "summary_fg_p05": 18247.396484375,
  "summary_fg_p95": 29883.664843749993,
  "summary_fg_stdv": 3798.822021484375,
  "tsnr": 108.90037536621094
}