{
  "aor": 0.004439833333333334,
  "aqi": 0.005378742,
  "bids_meta": {
    "AcquisitionNumber": 4,
    "BidsifyVersion": "0.3.5",
    "ConversionSoftware": "dcm2niix",
    "ConversionSoftwareVersion": "v1.0.20181125  GCC6.3.0",
    "EchoTime": 0.02763,
    "EffectiveEchoSpacing": 0.0006909035636805814,
    "FlipAngle": 76.1,
    "ImageComments": "PIOP2",
    "ImageOrientationPatientDICOM": [
      0.99875,
      0.049226,
      0.00863051,
      -0.0486723,
      0.997265,
      -0.0556105
    ],
    "Manufacturer": "Philips",
    "NumberOfVolumesDiscardedByScanner": 2,
    "ParallelAcquisitionTechnique": "SENSE",
    "ParallelReductionFactorInPlane": 2,
    "PatientPosition": "HFS",
    "PhaseEncodingDirection": "j",
    "PhilipsRescaleIntercept": 0,
    "PhilipsRescaleSlope": 0.76459,
    "PhilipsScaleSlope": 0.0481439,
    "ProtocolName": "WIPtask-rest_boldSENSE",
    "PulseSequenceType": "gradient echo EPI",
    "ReconMatrixPE": 80,
    "RepetitionTime": 2,
    "SeriesDescription": "ImageMRSERIES",
    "SeriesNumber": 4,
    "SliceEncodingDirection": "k",
    "SliceTiming": [
      0.0,
      0.0556,
      0.1111,
      0.1667,
      0.2222,
      0.2778,
      0.3333,
      0.3889,
      0.4444,
      0.5,
      0.5556,
      0.6111,
      0.6667,
      0.7222,
      0.7778,
      0.8333,
      0.8889,
      0.9444,
      1.0,
      1.0556,
      1.1111,
      1.1667,
      1.2222,
      1.2778,
      1.3333,
      1.3889,
      1.4444,
      1.5,
      1.5556,
      1.6111,
      1.6667,
      1.7222,
      1.7778,
      1.8333,
      1.8889,
      1.9444
    ],
    "TaskName": "restingstate",
    "TotalReadoutTime": 0.026945238983542674,
    "UsePhilipsFloatNotDisplayScaling": 1,
    "WaterFatShift": 12,
    "acq_id": "seq",
    "dataset": "ds002790",
    "modality": "bold",
    "subject_id": "0139",
    "task_id": "restingstate"
  },
  "dummy_trs": 0,
  "dvars_nstd": 21.76028991832635,
  "dvars_std": 1.2847982379916312,
  "dvars_vstd": 1.0156016641841,
  "efc": 0.4177898951150347,
  "fber": 254337.40625,
  "fd_mean": 0.17267729084854702,
  "fd_num": 57,
  "fd_perc": 23.75,
  "fwhm_avg": 2.191380110747679,
  "fwhm_x": 2.15257,
  "fwhm_y": 2.3998733333333333,
  "fwhm_z": 2.0216969989097047,
  "gcor": 0.0200046,
  "gsr_x": -0.021641805768013,
  "gsr_y": 0.013384444639086723,
  "provenance": {
    "md5sum": "8874575d1254aa2c9d96ec41e79d982e",
    "settings": {
      "fd_thres": 0.2,
      "testing": false
    },
    "software": "mriqc",
    "version": "22.0.0rc1",
    "webapi_port": null,
    "webapi_url": "https://mriqc.nimh.nih.gov/api/v1"
  },
  "size_t": 240,
  "size_x": 80,
  "size_y": 80,
  "size_z": 36,
  "snr": 4.729310691415932,
  "spacing_tr": 2.0,
  "spacing_x": 3.0,
  "spacing_y": 3.0,
  "spacing_z": 3.299999952316284,
  "summary_bg_k": 57.7372685453458,
  "summary_bg_mad": 61.76461576437985,
  "summary_bg_mean": 631.41259765625,
  "summary_bg_median": 55.50433349609375,
  "summary_bg_n": 156433.0,
  "summary_bg_p05": 4.64594669342041,
  "summary_bg_p95": 2903.251953124997,
  "summary_bg_stdv": 1995.2564697265625,
  "summary_fg_k": 1.3409763966124624,
  "summary_fg_mad": 5332.694314782925,
  "summary_fg_mean": 29331.59375,
  "summary_fg_median": 28538.0234375,
  "summary_fg_n": 33929.0,
  "summary_fg_p05": 20945.03046875,
  "summary_fg_p95": 40119.48046874999,
  "summary_fg_stdv": 6034.19921875,
  "tsnr": 72.2623291015625
}