{
  "aor": 0.0038584444444444443,
  "aqi": 0.0034726548888888886,
  "bids_meta": {
    "AcquisitionNumber": 8,
    "BidsifyVersion": "0.3.5",
    "ConversionSoftware": "dcm2niix",
    "ConversionSoftwareVersion": "v1.0.20181125  GCC6.3.0",
    "EchoTime": 0.02763,
    "EffectiveEchoSpacing": 0.0006909035636805814,
    "FlipAngle": 76.1,
    "ImageComments": "PIOP2",
    "ImageOrientationPatientDICOM": [
      0.99875,
      0.049226,
      0.00863051,
      -0.0486723,
      0.997265,
      -0.0556105
    ],
    "Manufacturer": "Philips",
    "NumberOfVolumesDiscardedByScanner": 2,
    "ParallelAcquisitionTechnique": "SENSE",
    "ParallelReductionFactorInPlane": 2,
    "PatientPosition": "HFS",
    "PhaseEncodingDirection": "j",
    "PhilipsRescaleIntercept": 0,
    "PhilipsRescaleSlope": 0.76239,
    "PhilipsScaleSlope": 0.0480796,
    "ProtocolName": "WIPtask-harriri_boldSENSE",
    "PulseSequenceType": "gradient echo EPI",
    "ReconMatrixPE": 80,
    "RepetitionTime": 2,
    "SeriesDescription": "ImageMRSERIES",
    "SeriesNumber": 8,
    "SliceEncodingDirection": "k",
    "SliceTiming": [
      0.0,
      0.0556,
      0.1111,
      0.1667,
      0.2222,
      0.2778,
      0.3333,
      0.3889,
      0.4444,
      0.5,
      0.5556,
      0.6111,
      0.6667,
      0.7222,
      0.7778,
      0.8333,
      0.8889,
      0.9444,
      1.0,
      1.0556,
      1.1111,
      1.1667,
      1.2222,
      1.2778,
      1.3333,
      1.3889,
      1.4444,
      1.5,
      1.5556,
      1.6111,
      1.6667,
      1.7222,
      1.7778,
      1.8333,
      1.8889,
      1.9444
    ],
    "TaskName": "emomatching",
    "TotalReadoutTime": 0.026945238983542674,
    "UsePhilipsFloatNotDisplayScaling": 1,
    "WaterFatShift": 12,
    "acq_id": "seq",
    "dataset": "ds002790",
    "modality": "bold",
    "subject_id": "0139",
    "task_id": "emomatching"
  },
  "dummy_trs": 0,
  "dvars_nstd": 21.537300251865666,
  "dvars_std": 1.3294297332089555,
  "dvars_vstd": 1.0221659364179105,
  "efc": 0.4200480220394745,
  "fber": 234750.546875,
  "fd_mean": 0.1463713586041866,
  "fd_num": 20,
  "fd_perc": 14.814814814814815,
  "fwhm_avg": 2.17553000973679,
  "fwhm_x": 2.13424,
  "fwhm_y": 2.370816666666667,
  "fwhm_z": 2.0215333625437037,
  "gcor": 0.0201328,
  "gsr_x": -0.02190912514925003,
  "gsr_y": 0.012705205008387566,
  "provenance": {
    "md5sum": "49bce5f6d4fa940cf045caec1f13989b",
    "settings": {
      "fd_thres": 0.2,
      "testing": false
    },
    "software": "mriqc",
    "version": "22.0.0rc1",
    "webapi_port": null,
    "webapi_url": "https://mriqc.nimh.nih.gov/api/v1"
  },
  "size_t": 135,
  "size_x": 80,
  "size_y": 80,
  "size_z": 36,
  "snr": 4.8007003644690895,
  "spacing_tr": 2.0,
  "spacing_x": 3.0,
  "spacing_y": 3.0,
  "spacing_z": 3.299999952316284,
  "summary_bg_k": 53.30181348572129,
  "summary_bg_mad": 67.16011903719479,
  "summary_bg_mean": 648.7183227539062,
  "summary_bg_median": 57.59349060058594,
  "summary_bg_n": 156221.0,
  "summary_bg_p05": 3.919785261154175,
  "summary_bg_p95": 3040.360107421875,
  "summary_bg_stdv": 2016.7130126953125,
  "summary_fg_k": 1.3478610562143771,
  "summary_fg_mad": 5250.398308826032,
  "summary_fg_mean": 29271.095703125,
  "summary_fg_median": 28479.888671875,
  "summary_fg_n": 34048.0,
  "summary_fg_p05": 20987.1599609375,
  "summary_fg_p95": 39831.39531249999,
  "summary_fg_stdv": 5932.357421875,
  "tsnr": 85.54354095458984
}