{
  "aor": 0.0035700888888888886,
  "aqi": 0.00584276688888889,
  "bids_meta": {
    "AcquisitionNumber": 7,
    "BidsifyVersion": "0.3.5",
    "ConversionSoftware": "dcm2niix",
    "ConversionSoftwareVersion": "v1.0.20181125  GCC6.3.0",
    "EchoTime": 0.02763,
    "EffectiveEchoSpacing": 0.0006909035636805814,
    "FlipAngle": 76.1,
    "ImageComments": "PIOP2",
    "ImageOrientationPatientDICOM": [
      0.99875,
      0.049226,
      0.00863051,
      -0.0486723,
      0.997265,
      -0.0556105
    ],
    "Manufacturer": "Philips",
    "NumberOfVolumesDiscardedByScanner": 2,
    "ParallelAcquisitionTechnique": "SENSE",
    "ParallelReductionFactorInPlane": 2,
    "PatientPosition": "HFS",
    "PhaseEncodingDirection": "j",
    "PhilipsRescaleIntercept": 0,
    "PhilipsRescaleSlope": 0.75018,
    "PhilipsScaleSlope": 0.0483875,
    "ProtocolName": "WIPtask-stop_boldSENSE",
    "PulseSequenceType": "gradient echo EPI",
    "ReconMatrixPE": 80,
    "RepetitionTime": 2,
    "SeriesDescription": "ImageMRSERIES",
    "SeriesNumber": 7,
    "SliceEncodingDirection": "k",
    "SliceTiming": [
      0.0,
      0.0556,
      0.1111,
      0.1667,
      0.2222,
      0.2778,
      0.3333,
      0.3889,
      0.4444,
      0.5,
      0.5556,
      0.6111,
      0.6667,
      0.7222,
      0.7778,
      0.8333,
      0.8889,
      0.9444,
      1.0,
      1.0556,
      1.1111,
      1.1667,
      1.2222,
      1.2778,
      1.3333,
      1.3889,
      1.4444,
      1.5,
      1.5556,
      1.6111,
      1.6667,
      1.7222,
      1.7778,
      1.8333,
      1.8889,
      1.9444
    ],
    "TaskName": "stopsignal",
    "TotalReadoutTime": 0.026945238983542674,
    "UsePhilipsFloatNotDisplayScaling": 1,
    "WaterFatShift": 12,
    "acq_id": "seq",
    "dataset": "ds002790",
    "modality": "bold",
    "subject_id": "0139",
    "task_id": "stopsignal"
  },
  "dummy_trs": 0,
  "dvars_nstd": 22.03196182406248,
  "dvars_std": 1.236291378883929,
  "dvars_vstd": 0.9773444424553572,
  "efc": 0.4186719070763274,
  "fber": 235999.34375,
  "fd_mean": 0.16752156944524285,
  "fd_num": 49,
  "fd_perc": 21.77777777777778,
  "fwhm_avg": 2.190464959275497,
  "fwhm_x": 2.1461333333333332,
  "fwhm_y": 2.3946433333333332,
  "fwhm_z": 2.0306182111598248,
  "gcor": 0.015147,
  "gsr_x": -0.02159632369875908,
  "gsr_y": 0.013379138894379139,
  "provenance": {
    "md5sum": "0eca628996e06fa7523bd10b4f739098",
    "settings": {
      "fd_thres": 0.2,
      "testing": false
    },
    "software": "mriqc",
    "version": "22.0.0rc1",
    "webapi_port": null,
    "webapi_url": "https://mriqc.nimh.nih.gov/api/v1"
  },
  "size_t": 225,
  "size_x": 80,
  "size_y": 80,
  "size_z": 36,
  "snr": 4.747405277944807,
  "spacing_tr": 2.0,
  "spacing_x": 3.0,
  "spacing_y": 3.0,
  "spacing_z": 3.299999952316284,
  "summary_bg_k": 58.5825941579092,
  "summary_bg_mad": 66.08981225593998,
  "summary_bg_mean": 648.8317260742188,
  "summary_bg_median": 57.87957763671875,
  "summary_bg_n": 156482.0,
  "summary_bg_p05": 4.702029919624329,
  "summary_bg_p95": 3015.6608520507716,
  "summary_bg_stdv": 2028.197998046875,
  "summary_fg_k": 1.3816223460669885,
  "summary_fg_mad": 5363.522016380993,
  "summary_fg_mean": 29413.4453125,
  "summary_fg_median": 28644.359375,
  "summary_fg_n": 33803.0,
  "summary_fg_p05": 21033.3439453125,
  "summary_fg_p95": 40170.656640625,
  "summary_fg_stdv": 6033.59814453125,
  "tsnr": 70.81332397460938
}