{
  "bids_meta": {
    "AcquisitionNumber": 2,
    "BidsifyVersion": "0.3.5",
    "ConversionSoftware": "dcm2niix",
    "ConversionSoftwareVersion": "v1.0.20181125  GCC6.3.0",
    "EchoTime": 0.00372,
    "ImageComments": "PIOP2",
    "ImageOrientationPatientDICOM": [
      0.999949,
      0.00987053,
      0.00214135,
      -0.0099482,
      0.999153,
      0.0399381
    ],
    "Manufacturer": "Philips",
    "NumberSignalAcquisitions": 2,
    "PatientPosition": "HFS",
    "PhilipsRescaleIntercept": 0,
    "PhilipsRescaleSlope": 8.58584,
    "PhilipsScaleSlope": 0.00711077,
    "ProtocolName": "WIPT1anat_acq-6m_T1wSENSE",
    "ReconMatrixPE": 240,
    "RepetitionTime": 0.00812,
    "SeriesDescription": "ImageMRSERIES",
    "SeriesNumber": 2,
    "UsePhilipsFloatNotDisplayScaling": 1,
    "dataset": "ds002790",
    "modality": "T1w",
    "subject_id": "0155"
  },
  "cjv": 0.29065063234241156,
  "cnr": 4.261676292422381,
  "efc": 0.7806126529483903,
  "fber": 1525.7899169921875,
  "fwhm_avg": 4.74515,
  "fwhm_x": 4.44044,
  "fwhm_y": 4.82122,
  "fwhm_z": 4.97379,
  "icvs_csf": 0.2496135491590084,
  "icvs_gm": 0.3924136893772127,
  "icvs_wm": 0.3579727614637789,
  "inu_med": 1.1711210012435913,
  "inu_range": 0.3399048388004302,
  "provenance": {
    "md5sum": "1c09bc4a8f6de153511098328bffbfa0",
    "settings": {
      "testing": false
    },
    "software": "mriqc",
    "version": "22.0.0rc1",
    "warnings": {
      "large_rot_frame": true,
      "small_air_mask": true
    },
    "webapi_port": null,
    "webapi_url": "https://mriqc.nimh.nih.gov/api/v1"
  },
  "qi_1": 0.0,
  "qi_2": 0.0002947743093373793,
  "rpve_csf": 21.84559615284094,
  "rpve_gm": 13.583697018526413,
  "rpve_wm": 19.528144904705496,
  "size_x": 240,
  "size_y": 240,
  "size_z": 220,
  "snr_csf": 2.9563664922806074,
  "snr_gm": 8.946093602538767,
  "snr_total": 13.687992736387615,
  "snr_wm": 29.161518114343476,
  "snrd_csf": 23.67897610774129,
  "snrd_gm": 45.336666305585965,
  "snrd_total": 46.09485603805998,
  "snrd_wm": 69.26892570085269,
  "spacing_x": 1.0,
  "spacing_y": 1.0,
  "spacing_z": 1.0,
  "summary_bg_k": 2.097802122204526,
  "summary_bg_mad": 9.45787755064877,
  "summary_bg_mean": 9.641253471374512,
  "summary_bg_median": 6.532748699188232,
  "summary_bg_n": 99319.0,
  "summary_bg_p05": 0.0,
  "summary_bg_p95": 19.642815589904785,
  "summary_bg_stdv": 6.655261516571045,
  "summary_csf_k": -0.7082703107472228,
  "summary_csf_mad": 120.23045233837414,
  "summary_csf_mean": 319.71795654296875,
  "summary_csf_median": 341.8415832519531,
  "summary_csf_n": 18801.0,
  "summary_csf_p05": 113.5623550415039,
  "summary_csf_p95": 473.5877380371094,
  "summary_csf_stdv": 115.62588500976562,
  "summary_gm_k": 0.26915757599977574,
  "summary_gm_mad": 69.68148985204073,
  "summary_gm_mean": 660.4212646484375,
  "summary_gm_median": 654.5028686523438,
  "summary_gm_n": 25221.0,
  "summary_gm_p05": 550.1559448242188,
  "summary_gm_p95": 792.4434204101562,
  "summary_gm_stdv": 73.15929412841797,
  "summary_wm_k": 1.2181196838244261,
  "summary_wm_mad": 30.737753685152946,
  "summary_wm_mean": 998.6797485351562,
  "summary_wm_median": 1000.0009765625,
  "summary_wm_n": 237990.0,
  "summary_wm_p05": 940.0929321289062,
  "summary_wm_p95": 1051.427508544922,
  "summary_wm_stdv": 34.29172897338867,
  "tpm_overlap_csf": 0.17051202058792114,
  "tpm_overlap_gm": 0.44481542706489563,
  "tpm_overlap_wm": 0.5113683342933655,
  "wm2max": 0.7292214230209659
}