{
  "aor": 0.0025634583333333334,
  "aqi": 0.006424803999999998,
  "bids_meta": {
    "AcquisitionNumber": 4,
    "BidsifyVersion": "0.3.5",
    "ConversionSoftware": "dcm2niix",
    "ConversionSoftwareVersion": "v1.0.20181125  GCC6.3.0",
    "EchoTime": 0.02763,
    "EffectiveEchoSpacing": 0.0006909035636805814,
    "FlipAngle": 76.1,
    "ImageComments": "PIOP2",
    "ImageOrientationPatientDICOM": [
      0.998959,
      0.0355751,
      -0.0285397,
      -0.0341862,
      0.998274,
      0.0477618
    ],
    "Manufacturer": "Philips",
    "NumberOfVolumesDiscardedByScanner": 2,
    "ParallelAcquisitionTechnique": "SENSE",
    "ParallelReductionFactorInPlane": 2,
    "PatientPosition": "HFS",
    "PhaseEncodingDirection": "j",
    "PhilipsRescaleIntercept": 0,
    "PhilipsRescaleSlope": 0.7956,
    "PhilipsScaleSlope": 0.0580175,
    "ProtocolName": "WIPtask-rest_boldSENSE",
    "PulseSequenceType": "gradient echo EPI",
    "ReconMatrixPE": 80,
    "RepetitionTime": 2,
    "SeriesDescription": "ImageMRSERIES",
    "SeriesNumber": 4,
    "SliceEncodingDirection": "k",
    "SliceTiming": [
      0.0,
      0.0556,
      0.1111,
      0.1667,
      0.2222,
      0.2778,
      0.3333,
      0.3889,
      0.4444,
      0.5,
      0.5556,
      0.6111,
      0.6667,
      0.7222,
      0.7778,
      0.8333,
      0.8889,
      0.9444,
      1.0,
      1.0556,
      1.1111,
      1.1667,
      1.2222,
      1.2778,
      1.3333,
      1.3889,
      1.4444,
      1.5,
      1.5556,
      1.6111,
      1.6667,
      1.7222,
      1.7778,
      1.8333,
      1.8889,
      1.9444
    ],
    "TaskName": "restingstate",
    "TotalReadoutTime": 0.026945238983542674,
    "UsePhilipsFloatNotDisplayScaling": 1,
    "WaterFatShift": 12,
    "acq_id": "seq",
    "dataset": "ds002790",
    "modality": "bold",
    "subject_id": "0138",
    "task_id": "restingstate"
  },
  "dummy_trs": 0,
  "dvars_nstd": 22.06957014225943,
  "dvars_std": 1.317585528451883,
  "dvars_vstd": 0.9704709662761507,
  "efc": 0.4341198860471843,
  "fber": 198742.03125,
  "fd_mean": 0.1360460381315126,
  "fd_num": 32,
  "fd_perc": 13.333333333333334,
  "fwhm_avg": 1.9397531399915973,
  "fwhm_x": 1.9076666666666666,
  "fwhm_y": 2.109786666666667,
  "fwhm_z": 1.8018060866414576,
  "gcor": 0.0191175,
  "gsr_x": -0.015142775140702724,
  "gsr_y": 0.011970629915595055,
  "provenance": {
    "md5sum": "1407537c1b36a73435a1880098197178",
    "settings": {
      "fd_thres": 0.2,
      "testing": false
    },
    "software": "mriqc",
    "version": "22.0.0rc1",
    "webapi_port": null,
    "webapi_url": "https://mriqc.nimh.nih.gov/api/v1"
  },
  "size_t": 240,
  "size_x": 80,
  "size_y": 80,
  "size_z": 36,
  "snr": 6.035080393094989,
  "spacing_tr": 2.0,
  "spacing_x": 3.0,
  "spacing_y": 3.0,
  "spacing_z": 3.299999952316284,
  "summary_bg_k": 40.463171507424626,
  "summary_bg_mad": 66.92288028574652,
  "summary_bg_mean": 700.0684814453125,
  "summary_bg_median": 59.37094497680664,
  "summary_bg_n": 155493.0,
  "summary_bg_p05": 6.905470657348633,
  "summary_bg_p95": 3622.560400390625,
  "summary_bg_stdv": 1864.3387451171875,
  "summary_fg_k": 1.454390655204354,
  "summary_fg_mad": 4086.4078862187753,
  "summary_fg_mean": 26892.662109375,
  "summary_fg_median": 26576.58203125,
  "summary_fg_n": 34914.0,
  "summary_fg_p05": 20317.71640625,
  "summary_fg_p95": 34229.708203125,
  "summary_fg_stdv": 4403.6201171875,
  "tsnr": 77.42903900146484
}