{
  "aor": 0.002855125,
  "aqi": 0.0034157754375,
  "bids_meta": {
    "AcquisitionNumber": 3,
    "BidsifyVersion": "0.3.5",
    "ConversionSoftware": "dcm2niix",
    "ConversionSoftwareVersion": "v1.0.20181125  GCC6.3.0",
    "EchoTime": 0.02763,
    "EffectiveEchoSpacing": 0.0006909035636805814,
    "FlipAngle": 76.1,
    "ImageComments": "PIOP2",
    "ImageOrientationPatientDICOM": [
      0.998959,
      0.0355751,
      -0.0285397,
      -0.0341862,
      0.998274,
      0.0477618
    ],
    "Manufacturer": "Philips",
    "NumberOfVolumesDiscardedByScanner": 2,
    "ParallelAcquisitionTechnique": "SENSE",
    "ParallelReductionFactorInPlane": 2,
    "PatientPosition": "HFS",
    "PhaseEncodingDirection": "j",
    "PhilipsRescaleIntercept": 0,
    "PhilipsRescaleSlope": 0.83175,
    "PhilipsScaleSlope": 0.0542833,
    "ProtocolName": "WIPtask-wm_boldSENSE",
    "PulseSequenceType": "gradient echo EPI",
    "ReconMatrixPE": 80,
    "RepetitionTime": 2,
    "SeriesDescription": "ImageMRSERIES",
    "SeriesNumber": 3,
    "SliceEncodingDirection": "k",
    "SliceTiming": [
      0.0,
      0.0556,
      0.1111,
      0.1667,
      0.2222,
      0.2778,
      0.3333,
      0.3889,
      0.4444,
      0.5,
      0.5556,
      0.6111,
      0.6667,
      0.7222,
      0.7778,
      0.8333,
      0.8889,
      0.9444,
      1.0,
      1.0556,
      1.1111,
      1.1667,
      1.2222,
      1.2778,
      1.3333,
      1.3889,
      1.4444,
      1.5,
      1.5556,
      1.6111,
      1.6667,
      1.7222,
      1.7778,
      1.8333,
      1.8889,
      1.9444
    ],
    "TaskName": "workingmemory",
    "TotalReadoutTime": 0.026945238983542674,
    "UsePhilipsFloatNotDisplayScaling": 1,
    "WaterFatShift": 12,
    "acq_id": "seq",
    "dataset": "ds002790",
    "modality": "bold",
    "subject_id": "0138",
    "task_id": "workingmemory"
  },
  "dummy_trs": 0,
  "dvars_nstd": 20.485877966540883,
  "dvars_std": 1.3081968991823907,
  "dvars_vstd": 1.0202623725786166,
  "efc": 0.4337049136719712,
  "fber": 200975.625,
  "fd_mean": 0.16625429577390483,
  "fd_num": 45,
  "fd_perc": 28.125,
  "fwhm_avg": 1.9376061703656344,
  "fwhm_x": 1.9039466666666665,
  "fwhm_y": 2.0923233333333333,
  "fwhm_z": 1.816548511096904,
  "gcor": 0.0448443,
  "gsr_x": -0.014539135619997978,
  "gsr_y": 0.010680411010980606,
  "provenance": {
    "md5sum": "a8b52e7da15aa5b829f719cda8c1228b",
    "settings": {
      "fd_thres": 0.2,
      "testing": false
    },
    "software": "mriqc",
    "version": "22.0.0rc1",
    "webapi_port": null,
    "webapi_url": "https://mriqc.nimh.nih.gov/api/v1"
  },
  "size_t": 160,
  "size_x": 80,
  "size_y": 80,
  "size_z": 36,
  "snr": 5.994526487600349,
  "spacing_tr": 2.0,
  "spacing_x": 3.0,
  "spacing_y": 3.0,
  "spacing_z": 3.299999952316284,
  "summary_bg_k": 37.904816251891546,
  "summary_bg_mad": 67.20218314699754,
  "summary_bg_mean": 705.4190063476562,
  "summary_bg_median": 59.409339904785156,
  "summary_bg_n": 155505.0,
  "summary_bg_p05": 5.684531497955322,
  "summary_bg_p95": 3577.2828613281235,
  "summary_bg_stdv": 1912.8365478515625,
  "summary_fg_k": 1.5228750671968472,
  "summary_fg_mad": 4133.046150537625,
  "summary_fg_mean": 27212.083984375,
  "summary_fg_median": 26889.34375,
  "summary_fg_n": 34841.0,
  "summary_fg_p05": 20488.484375,
  "summary_fg_p95": 34631.77734375,
  "summary_fg_stdv": 4485.5849609375,
  "tsnr": 95.61260986328125
}