{
  "aor": 0.0018966968325791857,
  "aqi": 0.004108526380090498,
  "bids_meta": {
    "AcquisitionNumber": 7,
    "BidsifyVersion": "0.3.5",
    "ConversionSoftware": "dcm2niix",
    "ConversionSoftwareVersion": "v1.0.20181125  GCC6.3.0",
    "EchoTime": 0.02763,
    "EffectiveEchoSpacing": 0.0006909035636805814,
    "FlipAngle": 76.1,
    "ImageComments": "PIOP2",
    "ImageOrientationPatientDICOM": [
      0.998959,
      0.0355751,
      -0.0285397,
      -0.0341862,
      0.998274,
      0.0477618
    ],
    "Manufacturer": "Philips",
    "NumberOfVolumesDiscardedByScanner": 2,
    "ParallelAcquisitionTechnique": "SENSE",
    "ParallelReductionFactorInPlane": 2,
    "PatientPosition": "HFS",
    "PhaseEncodingDirection": "j",
    "PhilipsRescaleIntercept": 0,
    "PhilipsRescaleSlope": 0.78144,
    "PhilipsScaleSlope": 0.0583889,
    "ProtocolName": "WIPtask-stop_boldSENSE",
    "PulseSequenceType": "gradient echo EPI",
    "ReconMatrixPE": 80,
    "RepetitionTime": 2,
    "SeriesDescription": "ImageMRSERIES",
    "SeriesNumber": 7,
    "SliceEncodingDirection": "k",
    "SliceTiming": [
      0.0,
      0.0556,
      0.1111,
      0.1667,
      0.2222,
      0.2778,
      0.3333,
      0.3889,
      0.4444,
      0.5,
      0.5556,
      0.6111,
      0.6667,
      0.7222,
      0.7778,
      0.8333,
      0.8889,
      0.9444,
      1.0,
      1.0556,
      1.1111,
      1.1667,
      1.2222,
      1.2778,
      1.3333,
      1.3889,
      1.4444,
      1.5,
      1.5556,
      1.6111,
      1.6667,
      1.7222,
      1.7778,
      1.8333,
      1.8889,
      1.9444
    ],
    "TaskName": "stopsignal",
    "TotalReadoutTime": 0.026945238983542674,
    "UsePhilipsFloatNotDisplayScaling": 1,
    "WaterFatShift": 12,
    "acq_id": "seq",
    "dataset": "ds002790",
    "modality": "bold",
    "subject_id": "0138",
    "task_id": "stopsignal"
  },
  "dummy_trs": 0,
  "dvars_nstd": 20.17109994459091,
  "dvars_std": 1.3099298287727268,
  "dvars_vstd": 1.0094468541818182,
  "efc": 0.4345884497525694,
  "fber": 204924.4375,
  "fd_mean": 0.1467799858168572,
  "fd_num": 49,
  "fd_perc": 22.171945701357465,
  "fwhm_avg": 1.918667786422338,
  "fwhm_x": 1.8863166666666666,
  "fwhm_y": 2.07492,
  "fwhm_z": 1.794766692600347,
  "gcor": 0.0323372,
  "gsr_x": -0.014759156852960587,
  "gsr_y": 0.01120313536375761,
  "provenance": {
    "md5sum": "25bd4c40565f190e79dae095eec46a67",
    "settings": {
      "fd_thres": 0.2,
      "testing": false
    },
    "software": "mriqc",
    "version": "22.0.0rc1",
    "webapi_port": null,
    "webapi_url": "https://mriqc.nimh.nih.gov/api/v1"
  },
  "size_t": 221,
  "size_x": 80,
  "size_y": 80,
  "size_z": 36,
  "snr": 6.099918012486608,
  "spacing_tr": 2.0,
  "spacing_x": 3.0,
  "spacing_y": 3.0,
  "spacing_z": 3.299999952316284,
  "summary_bg_k": 37.75173365409764,
  "summary_bg_mad": 63.71727274509415,
  "summary_bg_mean": 702.3027954101562,
  "summary_bg_median": 57.537498474121094,
  "summary_bg_n": 155524.0,
  "summary_bg_p05": 6.6846403121948255,
  "summary_bg_p95": 3595.2149780273485,
  "summary_bg_stdv": 1885.634033203125,
  "summary_fg_k": 1.6010172111564724,
  "summary_fg_mad": 3992.8779831784987,
  "summary_fg_mean": 26646.197265625,
  "summary_fg_median": 26359.560546875,
  "summary_fg_n": 34758.0,
  "summary_fg_p05": 20212.4345703125,
  "summary_fg_p95": 33794.927734375,
  "summary_fg_stdv": 4321.2353515625,
  "tsnr": 94.47190856933594
}