{
  "aor": 0.002461185185185185,
  "aqi": 0.005465045185185186,
  "bids_meta": {
    "AcquisitionNumber": 8,
    "BidsifyVersion": "0.3.5",
    "ConversionSoftware": "dcm2niix",
    "ConversionSoftwareVersion": "v1.0.20181125  GCC6.3.0",
    "EchoTime": 0.02763,
    "EffectiveEchoSpacing": 0.0006909035636805814,
    "FlipAngle": 76.1,
    "ImageComments": "PIOP2",
    "ImageOrientationPatientDICOM": [
      0.998959,
      0.0355751,
      -0.0285397,
      -0.0341862,
      0.998274,
      0.0477618
    ],
    "Manufacturer": "Philips",
    "NumberOfVolumesDiscardedByScanner": 2,
    "ParallelAcquisitionTechnique": "SENSE",
    "ParallelReductionFactorInPlane": 2,
    "PatientPosition": "HFS",
    "PhaseEncodingDirection": "j",
    "PhilipsRescaleIntercept": 0,
    "PhilipsRescaleSlope": 0.79878,
    "PhilipsScaleSlope": 0.0577935,
    "ProtocolName": "WIPtask-harriri_boldSENSE",
    "PulseSequenceType": "gradient echo EPI",
    "ReconMatrixPE": 80,
    "RepetitionTime": 2,
    "SeriesDescription": "ImageMRSERIES",
    "SeriesNumber": 8,
    "SliceEncodingDirection": "k",
    "SliceTiming": [
      0.0,
      0.0556,
      0.1111,
      0.1667,
      0.2222,
      0.2778,
      0.3333,
      0.3889,
      0.4444,
      0.5,
      0.5556,
      0.6111,
      0.6667,
      0.7222,
      0.7778,
      0.8333,
      0.8889,
      0.9444,
      1.0,
      1.0556,
      1.1111,
      1.1667,
      1.2222,
      1.2778,
      1.3333,
      1.3889,
      1.4444,
      1.5,
      1.5556,
      1.6111,
      1.6667,
      1.7222,
      1.7778,
      1.8333,
      1.8889,
      1.9444
    ],
    "TaskName": "emomatching",
    "TotalReadoutTime": 0.026945238983542674,
    "UsePhilipsFloatNotDisplayScaling": 1,
    "WaterFatShift": 12,
    "acq_id": "seq",
    "dataset": "ds002790",
    "modality": "bold",
    "subject_id": "0138",
    "task_id": "emomatching"
  },
  "dummy_trs": 0,
  "dvars_nstd": 21.024046463656717,
  "dvars_std": 1.2674323645522394,
  "dvars_vstd": 1.0015685669402987,
  "efc": 0.4348028974580845,
  "fber": 176855.484375,
  "fd_mean": 0.1888858113893707,
  "fd_num": 55,
  "fd_perc": 40.74074074074074,
  "fwhm_avg": 1.9247946551255535,
  "fwhm_x": 1.8922066666666666,
  "fwhm_y": 2.0840166666666664,
  "fwhm_z": 1.7981606320433274,
  "gcor": 0.0464233,
  "gsr_x": -0.014523649588227272,
  "gsr_y": 0.011661684140563011,
  "provenance": {
    "md5sum": "97b7793abc3f3a59c8b41a4a35ae3d03",
    "settings": {
      "fd_thres": 0.2,
      "testing": false
    },
    "software": "mriqc",
    "version": "22.0.0rc1",
    "webapi_port": null,
    "webapi_url": "https://mriqc.nimh.nih.gov/api/v1"
  },
  "size_t": 135,
  "size_x": 80,
  "size_y": 80,
  "size_z": 36,
  "snr": 6.043948709519856,
  "spacing_tr": 2.0,
  "spacing_x": 3.0,
  "spacing_y": 3.0,
  "spacing_z": 3.299999952316284,
  "summary_bg_k": 38.570323181867664,
  "summary_bg_mad": 73.23606266153647,
  "summary_bg_mean": 706.9684448242188,
  "summary_bg_median": 62.502384185791016,
  "summary_bg_n": 155403.0,
  "summary_bg_p05": 4.8306546211242685,
  "summary_bg_p95": 3649.7677246093695,
  "summary_bg_stdv": 1892.2584228515625,
  "summary_fg_k": 1.5866577486600058,
  "summary_fg_mad": 4040.062088353185,
  "summary_fg_mean": 26774.052734375,
  "summary_fg_median": 26464.9921875,
  "summary_fg_n": 34882.0,
  "summary_fg_p05": 20265.32646484375,
  "summary_fg_p95": 34008.385937499996,
  "summary_fg_stdv": 4378.69580078125,
  "tsnr": 77.92163848876953
}