{
  "bids_meta": {
    "AcquisitionNumber": 2,
    "BidsifyVersion": "0.3.5",
    "ConversionSoftware": "dcm2niix",
    "ConversionSoftwareVersion": "v1.0.20181125  GCC6.3.0",
    "EchoTime": 0.00376,
    "ImageComments": "PIOP2",
    "ImageOrientationPatientDICOM": [
      0.995316,
      0.0959483,
      -0.0118412,
      -0.0956627,
      0.995155,
      0.0227029
    ],
    "Manufacturer": "Philips",
    "NumberSignalAcquisitions": 2,
    "PatientPosition": "HFS",
    "PhilipsRescaleIntercept": 0,
    "PhilipsRescaleSlope": 10.305,
    "PhilipsScaleSlope": 0.00713867,
    "ProtocolName": "WIPT1anat_acq-6m_T1wSENSE",
    "ReconMatrixPE": 240,
    "RepetitionTime": 0.00817,
    "SeriesDescription": "ImageMRSERIES",
    "SeriesNumber": 2,
    "UsePhilipsFloatNotDisplayScaling": 1,
    "dataset": "ds002790",
    "modality": "T1w",
    "subject_id": "0106"
  },
  "cjv": 0.2763096623707135,
  "cnr": 4.428775402732342,
  "efc": 0.7592361384940292,
  "fber": 1361.609375,
  "fwhm_avg": 4.504662979371193,
  "fwhm_x": 4.226499496161997,
  "fwhm_y": 4.60624,
  "fwhm_z": 4.68124944195158,
  "icvs_csf": 0.2669705172634751,
  "icvs_gm": 0.3671776654694128,
  "icvs_wm": 0.36585181726711213,
  "inu_med": 1.6808890104293823,
  "inu_range": 0.33225300908088684,
  "provenance": {
    "md5sum": "cacf500d8fd51f094e607b528fcfee33",
    "settings": {
      "testing": false
    },
    "software": "mriqc",
    "version": "22.0.0rc1",
    "warnings": {
      "large_rot_frame": true,
      "small_air_mask": true
    },
    "webapi_port": null,
    "webapi_url": "https://mriqc.nimh.nih.gov/api/v1"
  },
  "qi_1": 3.78817772867177e-05,
  "qi_2": 7.022420096306533e-05,
  "rpve_csf": 24.40153217092529,
  "rpve_gm": 16.29722254475905,
  "rpve_wm": 22.271461249724002,
  "size_x": 240,
  "size_y": 240,
  "size_z": 220,
  "snr_csf": 3.304797191146754,
  "snr_gm": 9.512458308832407,
  "snr_total": 13.58515827826885,
  "snr_wm": 27.938219334827387,
  "snrd_csf": 22.943764247526175,
  "snrd_gm": 47.57639241839526,
  "snrd_total": 47.74188830543654,
  "snrd_wm": 72.70550825038819,
  "spacing_x": 1.0000001192092896,
  "spacing_y": 1.0,
  "spacing_z": 1.0000001192092896,
  "summary_bg_k": 28.00565100027134,
  "summary_bg_mad": 9.010723338168486,
  "summary_bg_mean": 9.277830123901367,
  "summary_bg_median": 6.214874267578125,
  "summary_bg_n": 157231.0,
  "summary_bg_p05": 0.0,
  "summary_bg_p95": 24.639503479003906,
  "summary_bg_stdv": 8.79887866973877,
  "summary_csf_k": 3.348902736636763,
  "summary_csf_mad": 90.02713766094178,
  "summary_csf_mean": 300.71563720703125,
  "summary_csf_median": 315.5677490234375,
  "summary_csf_n": 18549.0,
  "summary_csf_p05": 124.18255462646485,
  "summary_csf_p95": 431.771044921875,
  "summary_csf_stdv": 95.4852066040039,
  "summary_gm_k": 0.4251676590967137,
  "summary_gm_mad": 63.97911794033729,
  "summary_gm_mean": 660.0240478515625,
  "summary_gm_median": 654.3640747070312,
  "summary_gm_n": 17053.0,
  "summary_gm_p05": 556.3833374023437,
  "summary_gm_p95": 783.6917846679687,
  "summary_gm_stdv": 68.78820037841797,
  "summary_wm_k": 1.2614056917917136,
  "summary_wm_mad": 31.520409116540577,
  "summary_wm_mean": 997.650146484375,
  "summary_wm_median": 999.9890747070312,
  "summary_wm_n": 210191.0,
  "summary_wm_p05": 934.5469055175781,
  "summary_wm_p95": 1051.3897705078125,
  "summary_wm_stdv": 35.79278564453125,
  "tpm_overlap_csf": 0.16767607629299164,
  "tpm_overlap_gm": 0.4369630813598633,
  "tpm_overlap_wm": 0.5202599167823792,
  "wm2max": 0.8048185929672648
}