{
  "aor": 0.0017687083333333335,
  "aqi": 0.007625081166666667,
  "bids_meta": {
    "AcquisitionNumber": 4,
    "BidsifyVersion": "0.3.5",
    "ConversionSoftware": "dcm2niix",
    "ConversionSoftwareVersion": "v1.0.20181125  GCC6.3.0",
    "EchoTime": 0.02763,
    "EffectiveEchoSpacing": 0.0006909035636805814,
    "FlipAngle": 76.1,
    "ImageComments": "PIOP2",
    "ImageOrientationPatientDICOM": [
      0.998619,
      -0.0417258,
      -0.0319355,
      0.0369667,
      0.989834,
      -0.137337
    ],
    "Manufacturer": "Philips",
    "NumberOfVolumesDiscardedByScanner": 2,
    "ParallelAcquisitionTechnique": "SENSE",
    "ParallelReductionFactorInPlane": 2,
    "PatientPosition": "HFS",
    "PhaseEncodingDirection": "j",
    "PhilipsRescaleIntercept": 0,
    "PhilipsRescaleSlope": 0.76239,
    "PhilipsScaleSlope": 0.061546,
    "ProtocolName": "WIPtask-rest_boldSENSE",
    "PulseSequenceType": "gradient echo EPI",
    "ReconMatrixPE": 80,
    "RepetitionTime": 2,
    "SeriesDescription": "ImageMRSERIES",
    "SeriesNumber": 4,
    "SliceEncodingDirection": "k",
    "SliceTiming": [
      0.0,
      0.0556,
      0.1111,
      0.1667,
      0.2222,
      0.2778,
      0.3333,
      0.3889,
      0.4444,
      0.5,
      0.5556,
      0.6111,
      0.6667,
      0.7222,
      0.7778,
      0.8333,
      0.8889,
      0.9444,
      1.0,
      1.0556,
      1.1111,
      1.1667,
      1.2222,
      1.2778,
      1.3333,
      1.3889,
      1.4444,
      1.5,
      1.5556,
      1.6111,
      1.6667,
      1.7222,
      1.7778,
      1.8333,
      1.8889,
      1.9444
    ],
    "TaskName": "restingstate",
    "TotalReadoutTime": 0.026945238983542674,
    "UsePhilipsFloatNotDisplayScaling": 1,
    "WaterFatShift": 12,
    "acq_id": "seq",
    "dataset": "ds002790",
    "modality": "bold",
    "subject_id": "0190",
    "task_id": "restingstate"
  },
  "dummy_trs": 0,
  "dvars_nstd": 16.298326548075316,
  "dvars_std": 1.1478408721757327,
  "dvars_vstd": 0.946389081380754,
  "efc": 0.40889670016027446,
  "fber": 268407.15625,
  "fd_mean": 0.12211859895790679,
  "fd_num": 23,
  "fd_perc": 9.583333333333334,
  "fwhm_avg": 2.015485665384882,
  "fwhm_x": 2.03177,
  "fwhm_y": 2.183656666666667,
  "fwhm_z": 1.8310303294879786,
  "gcor": 0.0216948,
  "gsr_x": -0.013237281702458858,
  "gsr_y": 0.004213032312691212,
  "provenance": {
    "md5sum": "c09af946c353b789c516ce1d095d0b90",
    "settings": {
      "fd_thres": 0.2,
      "testing": false
    },
    "software": "mriqc",
    "version": "22.0.0rc1",
    "webapi_port": null,
    "webapi_url": "https://mriqc.nimh.nih.gov/api/v1"
  },
  "size_t": 240,
  "size_x": 80,
  "size_y": 80,
  "size_z": 36,
  "snr": 6.94258557648472,
  "spacing_tr": 2.0,
  "spacing_x": 3.0,
  "spacing_y": 3.0,
  "spacing_z": 3.299999952316284,
  "summary_bg_k": 49.468848615945085,
  "summary_bg_mad": 51.55199002157814,
  "summary_bg_mean": 534.4518432617188,
  "summary_bg_median": 49.905208587646484,
  "summary_bg_n": 158652.0,
  "summary_bg_p05": 5.758964967727661,
  "summary_bg_p95": 2690.063928222656,
  "summary_bg_stdv": 1605.3779296875,
  "summary_fg_k": 1.7724828247948894,
  "summary_fg_mad": 3605.2889877764173,
  "summary_fg_mean": 26844.189453125,
  "summary_fg_median": 26643.47265625,
  "summary_fg_n": 31404.0,
  "summary_fg_p05": 21106.404296875,
  "summary_fg_p95": 33169.0216796875,
  "summary_fg_stdv": 3837.626220703125,
  "tsnr": 79.98223114013672
}