{
  "aor": 0.0021516949152542374,
  "aqi": 0.003453618347457627,
  "bids_meta": {
    "AcquisitionNumber": 7,
    "BidsifyVersion": "0.3.5",
    "ConversionSoftware": "dcm2niix",
    "ConversionSoftwareVersion": "v1.0.20181125  GCC6.3.0",
    "EchoTime": 0.02763,
    "EffectiveEchoSpacing": 0.0006909035636805814,
    "FlipAngle": 76.1,
    "ImageComments": "PIOP2",
    "ImageOrientationPatientDICOM": [
      0.998619,
      -0.0417258,
      -0.0319355,
      0.0369667,
      0.989834,
      -0.137337
    ],
    "Manufacturer": "Philips",
    "NumberOfVolumesDiscardedByScanner": 2,
    "ParallelAcquisitionTechnique": "SENSE",
    "ParallelReductionFactorInPlane": 2,
    "PatientPosition": "HFS",
    "PhaseEncodingDirection": "j",
    "PhilipsRescaleIntercept": 0,
    "PhilipsRescaleSlope": 0.8525,
    "PhilipsScaleSlope": 0.0588524,
    "ProtocolName": "WIPtask-stop_boldSENSE",
    "PulseSequenceType": "gradient echo EPI",
    "ReconMatrixPE": 80,
    "RepetitionTime": 2,
    "SeriesDescription": "ImageMRSERIES",
    "SeriesNumber": 7,
    "SliceEncodingDirection": "k",
    "SliceTiming": [
      0.0,
      0.0556,
      0.1111,
      0.1667,
      0.2222,
      0.2778,
      0.3333,
      0.3889,
      0.4444,
      0.5,
      0.5556,
      0.6111,
      0.6667,
      0.7222,
      0.7778,
      0.8333,
      0.8889,
      0.9444,
      1.0,
      1.0556,
      1.1111,
      1.1667,
      1.2222,
      1.2778,
      1.3333,
      1.3889,
      1.4444,
      1.5,
      1.5556,
      1.6111,
      1.6667,
      1.7222,
      1.7778,
      1.8333,
      1.8889,
      1.9444
    ],
    "TaskName": "stopsignal",
    "TotalReadoutTime": 0.026945238983542674,
    "UsePhilipsFloatNotDisplayScaling": 1,
    "WaterFatShift": 12,
    "acq_id": "seq",
    "dataset": "ds002790",
    "modality": "bold",
    "subject_id": "0190",
    "task_id": "stopsignal"
  },
  "dummy_trs": 0,
  "dvars_nstd": 16.463390882042564,
  "dvars_std": 1.2316049064255306,
  "dvars_vstd": 1.0101539441276592,
  "efc": 0.40929552510933276,
  "fber": 309703.46875,
  "fd_mean": 0.12450589324339743,
  "fd_num": 22,
  "fd_perc": 9.322033898305085,
  "fwhm_avg": 1.9980426351241933,
  "fwhm_x": 1.99521,
  "fwhm_y": 2.1590966666666667,
  "fwhm_z": 1.8398212387059132,
  "gcor": 0.0219459,
  "gsr_x": -0.013292614370584488,
  "gsr_y": 0.004186167847365141,
  "provenance": {
    "md5sum": "8cb2dba5f8b072a2819175551909d7d6",
    "settings": {
      "fd_thres": 0.2,
      "testing": false
    },
    "software": "mriqc",
    "version": "22.0.0rc1",
    "webapi_port": null,
    "webapi_url": "https://mriqc.nimh.nih.gov/api/v1"
  },
  "size_t": 236,
  "size_x": 80,
  "size_y": 80,
  "size_z": 36,
  "snr": 7.1118830298079585,
  "spacing_tr": 2.0,
  "spacing_x": 3.0,
  "spacing_y": 3.0,
  "spacing_z": 3.299999952316284,
  "summary_bg_k": 49.26255760070346,
  "summary_bg_mad": 48.56234881113093,
  "summary_bg_mean": 535.5150146484375,
  "summary_bg_median": 45.972206115722656,
  "summary_bg_n": 158675.0,
  "summary_bg_p05": 4.271112728118898,
  "summary_bg_p95": 2705.0958007812474,
  "summary_bg_stdv": 1613.39599609375,
  "summary_fg_k": 1.6092120234149823,
  "summary_fg_mad": 3517.9225980605333,
  "summary_fg_mean": 26626.005859375,
  "summary_fg_median": 26429.77734375,
  "summary_fg_n": 31399.0,
  "summary_fg_p05": 20990.0298828125,
  "summary_fg_p95": 32701.765234374998,
  "summary_fg_stdv": 3716.224853515625,
  "tsnr": 107.87635803222656
}