{
  "aor": 0.002509182389937107,
  "aqi": 0.003311236855345912,
  "bids_meta": {
    "AcquisitionNumber": 3,
    "BidsifyVersion": "0.3.5",
    "ConversionSoftware": "dcm2niix",
    "ConversionSoftwareVersion": "v1.0.20181125  GCC6.3.0",
    "EchoTime": 0.02763,
    "EffectiveEchoSpacing": 0.0006909035636805814,
    "FlipAngle": 76.1,
    "ImageComments": "PIOP2",
    "ImageOrientationPatientDICOM": [
      0.998619,
      -0.0417258,
      -0.0319355,
      0.0369667,
      0.989834,
      -0.137337
    ],
    "Manufacturer": "Philips",
    "NumberOfVolumesDiscardedByScanner": 2,
    "ParallelAcquisitionTechnique": "SENSE",
    "ParallelReductionFactorInPlane": 2,
    "PatientPosition": "HFS",
    "PhaseEncodingDirection": "j",
    "PhilipsRescaleIntercept": 0,
    "PhilipsRescaleSlope": 0.77729,
    "PhilipsScaleSlope": 0.0619761,
    "ProtocolName": "WIPtask-wm_boldSENSE",
    "PulseSequenceType": "gradient echo EPI",
    "ReconMatrixPE": 80,
    "RepetitionTime": 2,
    "SeriesDescription": "ImageMRSERIES",
    "SeriesNumber": 3,
    "SliceEncodingDirection": "k",
    "SliceTiming": [
      0.0,
      0.0556,
      0.1111,
      0.1667,
      0.2222,
      0.2778,
      0.3333,
      0.3889,
      0.4444,
      0.5,
      0.5556,
      0.6111,
      0.6667,
      0.7222,
      0.7778,
      0.8333,
      0.8889,
      0.9444,
      1.0,
      1.0556,
      1.1111,
      1.1667,
      1.2222,
      1.2778,
      1.3333,
      1.3889,
      1.4444,
      1.5,
      1.5556,
      1.6111,
      1.6667,
      1.7222,
      1.7778,
      1.8333,
      1.8889,
      1.9444
    ],
    "TaskName": "workingmemory",
    "TotalReadoutTime": 0.026945238983542674,
    "UsePhilipsFloatNotDisplayScaling": 1,
    "WaterFatShift": 12,
    "acq_id": "seq",
    "dataset": "ds002790",
    "modality": "bold",
    "subject_id": "0190",
    "task_id": "workingmemory"
  },
  "dummy_trs": 1,
  "dvars_nstd": 17.102702889303806,
  "dvars_std": 1.2849653328481012,
  "dvars_vstd": 1.0264137800632904,
  "efc": 0.4096513863709434,
  "fber": 269596.5625,
  "fd_mean": 0.10921111204979937,
  "fd_num": 5,
  "fd_perc": 3.1446540880503147,
  "fwhm_avg": 2.0102162715118688,
  "fwhm_x": 2.00826,
  "fwhm_y": 2.1775766666666665,
  "fwhm_z": 1.844812147868939,
  "gcor": 0.0399165,
  "gsr_x": -0.013529599644243717,
  "gsr_y": 0.004875252954661846,
  "provenance": {
    "md5sum": "d37455c304a365388f0cd9babaa83f28",
    "settings": {
      "fd_thres": 0.2,
      "testing": false
    },
    "software": "mriqc",
    "version": "22.0.0rc1",
    "webapi_port": null,
    "webapi_url": "https://mriqc.nimh.nih.gov/api/v1"
  },
  "size_t": 159,
  "size_x": 80,
  "size_y": 80,
  "size_z": 36,
  "snr": 6.986092098491293,
  "spacing_tr": 2.0,
  "spacing_x": 3.0,
  "spacing_y": 3.0,
  "spacing_z": 3.299999952316284,
  "summary_bg_k": 48.86145745007165,
  "summary_bg_mad": 50.0456862678583,
  "summary_bg_mean": 527.2705078125,
  "summary_bg_median": 48.750877380371094,
  "summary_bg_n": 158442.0,
  "summary_bg_p05": 4.964035606384278,
  "summary_bg_p95": 2644.137145996085,
  "summary_bg_stdv": 1593.681884765625,
  "summary_fg_k": 1.5724202115334327,
  "summary_fg_mad": 3558.872245078106,
  "summary_fg_mean": 26483.779296875,
  "summary_fg_median": 26291.73828125,
  "summary_fg_n": 31570.0,
  "summary_fg_p05": 20805.60947265625,
  "summary_fg_p95": 32662.04716796875,
  "summary_fg_stdv": 3763.38037109375,
  "tsnr": 107.02404022216797
}