{
  "aor": 0.0027603124999999997,
  "aqi": 0.0030740356874999998,
  "bids_meta": {
    "AcquisitionNumber": 3,
    "BidsifyVersion": "0.3.5",
    "ConversionSoftware": "dcm2niix",
    "ConversionSoftwareVersion": "v1.0.20181125  GCC6.3.0",
    "EchoTime": 0.02763,
    "EffectiveEchoSpacing": 0.0006909035636805814,
    "FlipAngle": 76.1,
    "ImageComments": "PIOP2",
    "ImageOrientationPatientDICOM": [
      0.999181,
      -0.0403113,
      0.00350616,
      0.0394326,
      0.989497,
      0.139074
    ],
    "Manufacturer": "Philips",
    "NumberOfVolumesDiscardedByScanner": 2,
    "ParallelAcquisitionTechnique": "SENSE",
    "ParallelReductionFactorInPlane": 2,
    "PatientPosition": "HFS",
    "PhaseEncodingDirection": "j",
    "PhilipsRescaleIntercept": 0,
    "PhilipsRescaleSlope": 0.76459,
    "PhilipsScaleSlope": 0.0505162,
    "ProtocolName": "WIPtask-wm_boldSENSE",
    "PulseSequenceType": "gradient echo EPI",
    "ReconMatrixPE": 80,
    "RepetitionTime": 2,
    "SeriesDescription": "ImageMRSERIES",
    "SeriesNumber": 3,
    "SliceEncodingDirection": "k",
    "SliceTiming": [
      0.0,
      0.0556,
      0.1111,
      0.1667,
      0.2222,
      0.2778,
      0.3333,
      0.3889,
      0.4444,
      0.5,
      0.5556,
      0.6111,
      0.6667,
      0.7222,
      0.7778,
      0.8333,
      0.8889,
      0.9444,
      1.0,
      1.0556,
      1.1111,
      1.1667,
      1.2222,
      1.2778,
      1.3333,
      1.3889,
      1.4444,
      1.5,
      1.5556,
      1.6111,
      1.6667,
      1.7222,
      1.7778,
      1.8333,
      1.8889,
      1.9444
    ],
    "TaskName": "workingmemory",
    "TotalReadoutTime": 0.026945238983542674,
    "UsePhilipsFloatNotDisplayScaling": 1,
    "WaterFatShift": 12,
    "acq_id": "seq",
    "dataset": "ds002790",
    "modality": "bold",
    "subject_id": "0145",
    "task_id": "workingmemory"
  },
  "dummy_trs": 0,
  "dvars_nstd": 16.21198886308176,
  "dvars_std": 1.2541135102515721,
  "dvars_vstd": 1.0181204828930817,
  "efc": 0.40875709907038,
  "fber": 268572.5,
  "fd_mean": 0.08817166251239358,
  "fd_num": 2,
  "fd_perc": 1.25,
  "fwhm_avg": 2.1397141510801725,
  "fwhm_x": 2.0991066666666667,
  "fwhm_y": 2.3131933333333334,
  "fwhm_z": 2.006842453240517,
  "gcor": 0.0418561,
  "gsr_x": -0.02072729915380478,
  "gsr_y": 0.012757590971887112,
  "provenance": {
    "md5sum": "b47d524f8ef70af3cc392ae75482af2d",
    "settings": {
      "fd_thres": 0.2,
      "testing": false
    },
    "software": "mriqc",
    "version": "22.0.0rc1",
    "webapi_port": null,
    "webapi_url": "https://mriqc.nimh.nih.gov/api/v1"
  },
  "size_t": 160,
  "size_x": 80,
  "size_y": 80,
  "size_z": 36,
  "snr": 5.791554537534299,
  "spacing_tr": 2.0,
  "spacing_x": 3.0,
  "spacing_y": 3.0,
  "spacing_z": 3.299999952316284,
  "summary_bg_k": 130.84418978626695,
  "summary_bg_mad": 55.90145997885386,
  "summary_bg_mean": 440.7449951171875,
  "summary_bg_median": 53.9307746887207,
  "summary_bg_n": 157057.0,
  "summary_bg_p05": 3.421554374694824,
  "summary_bg_p95": 2101.7862792968667,
  "summary_bg_stdv": 1454.2855224609375,
  "summary_fg_k": 2.0154876371317023,
  "summary_fg_mad": 4453.945555327806,
  "summary_fg_mean": 29633.998046875,
  "summary_fg_median": 29108.041015625,
  "summary_fg_n": 33498.0,
  "summary_fg_p05": 22724.584863281252,
  "summary_fg_p95": 38159.34238281249,
  "summary_fg_stdv": 5025.87109375,
  "tsnr": 113.11686706542969
}