{
  "aor": 0.003133875,
  "aqi": 0.0033967044166666664,
  "bids_meta": {
    "AcquisitionNumber": 4,
    "BidsifyVersion": "0.3.5",
    "ConversionSoftware": "dcm2niix",
    "ConversionSoftwareVersion": "v1.0.20181125  GCC6.3.0",
    "EchoTime": 0.02763,
    "EffectiveEchoSpacing": 0.0006909035636805814,
    "FlipAngle": 76.1,
    "ImageComments": "PIOP2",
    "ImageOrientationPatientDICOM": [
      0.999181,
      -0.0403113,
      0.00350616,
      0.0394326,
      0.989497,
      0.139074
    ],
    "Manufacturer": "Philips",
    "NumberOfVolumesDiscardedByScanner": 2,
    "ParallelAcquisitionTechnique": "SENSE",
    "ParallelReductionFactorInPlane": 2,
    "PatientPosition": "HFS",
    "PhaseEncodingDirection": "j",
    "PhilipsRescaleIntercept": 0,
    "PhilipsRescaleSlope": 0.78388,
    "PhilipsScaleSlope": 0.0501504,
    "ProtocolName": "WIPtask-rest_boldSENSE",
    "PulseSequenceType": "gradient echo EPI",
    "ReconMatrixPE": 80,
    "RepetitionTime": 2,
    "SeriesDescription": "ImageMRSERIES",
    "SeriesNumber": 4,
    "SliceEncodingDirection": "k",
    "SliceTiming": [
      0.0,
      0.0556,
      0.1111,
      0.1667,
      0.2222,
      0.2778,
      0.3333,
      0.3889,
      0.4444,
      0.5,
      0.5556,
      0.6111,
      0.6667,
      0.7222,
      0.7778,
      0.8333,
      0.8889,
      0.9444,
      1.0,
      1.0556,
      1.1111,
      1.1667,
      1.2222,
      1.2778,
      1.3333,
      1.3889,
      1.4444,
      1.5,
      1.5556,
      1.6111,
      1.6667,
      1.7222,
      1.7778,
      1.8333,
      1.8889,
      1.9444
    ],
    "TaskName": "restingstate",
    "TotalReadoutTime": 0.026945238983542674,
    "UsePhilipsFloatNotDisplayScaling": 1,
    "WaterFatShift": 12,
    "acq_id": "seq",
    "dataset": "ds002790",
    "modality": "bold",
    "subject_id": "0145",
    "task_id": "restingstate"
  },
  "dummy_trs": 0,
  "dvars_nstd": 15.831170795983256,
  "dvars_std": 1.1762464212133898,
  "dvars_vstd": 1.0000171662761514,
  "efc": 0.41087986772353224,
  "fber": 267760.03125,
  "fd_mean": 0.09597164484526459,
  "fd_num": 13,
  "fd_perc": 5.416666666666667,
  "fwhm_avg": 2.1352332419779954,
  "fwhm_x": 2.1003066666666665,
  "fwhm_y": 2.30089,
  "fwhm_z": 2.0045030592673196,
  "gcor": 0.0267508,
  "gsr_x": -0.021273361518979073,
  "gsr_y": 0.013554144650697708,
  "provenance": {
    "md5sum": "d6d586abb37c79d3463dcc64e9e4d596",
    "settings": {
      "fd_thres": 0.2,
      "testing": false
    },
    "software": "mriqc",
    "version": "22.0.0rc1",
    "webapi_port": null,
    "webapi_url": "https://mriqc.nimh.nih.gov/api/v1"
  },
  "size_t": 240,
  "size_x": 80,
  "size_y": 80,
  "size_z": 36,
  "snr": 5.8221010967283435,
  "spacing_tr": 2.0,
  "spacing_x": 3.0,
  "spacing_y": 3.0,
  "spacing_z": 3.299999952316284,
  "summary_bg_k": 166.73419332052583,
  "summary_bg_mad": 56.16076718831226,
  "summary_bg_mean": 453.4218444824219,
  "summary_bg_median": 54.143890380859375,
  "summary_bg_n": 156695.0,
  "summary_bg_p05": 3.144534206390381,
  "summary_bg_p95": 2150.3024169921846,
  "summary_bg_stdv": 1534.9010009765625,
  "summary_fg_k": 2.0392220479114886,
  "summary_fg_mad": 4464.248482463437,
  "summary_fg_mean": 29702.29296875,
  "summary_fg_median": 29182.607421875,
  "summary_fg_n": 33813.0,
  "summary_fg_p05": 22831.282421875,
  "summary_fg_p95": 38211.8953125,
  "summary_fg_stdv": 5012.31005859375,
  "tsnr": 98.50830078125
}