{
  "bids_meta": {
    "AcquisitionNumber": 2,
    "BidsifyVersion": "0.3.5",
    "ConversionSoftware": "dcm2niix",
    "ConversionSoftwareVersion": "v1.0.20181125  GCC6.3.0",
    "EchoTime": 0.00374,
    "ImageComments": "PIOP2",
    "ImageOrientationPatientDICOM": [
      0.996354,
      0.0789591,
      0.0323168,
      -0.0791147,
      0.996859,
      0.00356175
    ],
    "Manufacturer": "Philips",
    "NumberSignalAcquisitions": 2,
    "PatientPosition": "HFS",
    "PhilipsRescaleIntercept": 0,
    "PhilipsRescaleSlope": 9.49963,
    "PhilipsScaleSlope": 0.00737471,
    "ProtocolName": "WIPT1anat_acq-6m_T1wSENSE",
    "ReconMatrixPE": 240,
    "RepetitionTime": 0.00815,
    "SeriesDescription": "ImageMRSERIES",
    "SeriesNumber": 2,
    "UsePhilipsFloatNotDisplayScaling": 1,
    "dataset": "ds002790",
    "modality": "T1w",
    "subject_id": "0050"
  },
  "cjv": 0.29329145199698237,
  "cnr": 4.225788967677268,
  "efc": 0.7730782147086797,
  "fber": 1105.3765869140625,
  "fwhm_avg": 4.72708343158047,
  "fwhm_x": 4.47707,
  "fwhm_y": 4.75924,
  "fwhm_z": 4.94494029474141,
  "icvs_csf": 0.2526466919958218,
  "icvs_gm": 0.3864444754672169,
  "icvs_wm": 0.3609088325369613,
  "inu_med": 1.278198480606079,
  "inu_range": 0.39892520904540985,
  "provenance": {
    "md5sum": "b6c6ac9df25631892c5af75f81238a52",
    "settings": {
      "testing": false
    },
    "software": "mriqc",
    "version": "22.0.0rc1",
    "warnings": {
      "large_rot_frame": true,
      "small_air_mask": true
    },
    "webapi_port": null,
    "webapi_url": "https://mriqc.nimh.nih.gov/api/v1"
  },
  "qi_1": 0.0,
  "qi_2": 7.176772889555456e-05,
  "rpve_csf": 21.215250303451988,
  "rpve_gm": 13.39605482245733,
  "rpve_wm": 19.050005974700547,
  "size_x": 240,
  "size_y": 240,
  "size_z": 220,
  "snr_csf": 2.8089499004875167,
  "snr_gm": 9.011552625277057,
  "snr_total": 12.887802557521859,
  "snr_wm": 26.842905146801,
  "snrd_csf": 19.586541800322927,
  "snrd_gm": 40.423410623808046,
  "snrd_total": 40.61003845200103,
  "snrd_wm": 61.82016293187212,
  "spacing_x": 1.0,
  "spacing_y": 1.0,
  "spacing_z": 0.9999999403953552,
  "summary_bg_k": 4.91934848944,
  "summary_bg_mad": 10.597481241264529,
  "summary_bg_mean": 10.63765811920166,
  "summary_bg_median": 7.389184474945068,
  "summary_bg_n": 206545.0,
  "summary_bg_p05": 0.0,
  "summary_bg_p95": 22.194472122192384,
  "summary_bg_stdv": 7.462383270263672,
  "summary_csf_k": -0.8717812275776877,
  "summary_csf_mad": 131.9592665472194,
  "summary_csf_mean": 303.7337341308594,
  "summary_csf_median": 316.8317565917969,
  "summary_csf_n": 17711.0,
  "summary_csf_p05": 117.0217056274414,
  "summary_csf_p95": 463.62005615234375,
  "summary_csf_stdv": 112.79048156738281,
  "summary_gm_k": 0.28768067263327435,
  "summary_gm_mad": 69.40105868290323,
  "summary_gm_mean": 657.26513671875,
  "summary_gm_median": 653.8887939453125,
  "summary_gm_n": 25087.0,
  "summary_gm_p05": 544.9363037109375,
  "summary_gm_p95": 784.6169799804686,
  "summary_gm_stdv": 72.55972290039062,
  "summary_wm_k": 1.6771912567705085,
  "summary_wm_mad": 32.111133437976406,
  "summary_wm_mean": 997.934326171875,
  "summary_wm_median": 1000.0025024414062,
  "summary_wm_n": 251186.0,
  "summary_wm_p05": 933.5103912353516,
  "summary_wm_p95": 1053.7466430664062,
  "summary_wm_stdv": 37.25381088256836,
  "tpm_overlap_csf": 0.15755851566791534,
  "tpm_overlap_gm": 0.4267161190509796,
  "tpm_overlap_wm": 0.5011105537414551,
  "wm2max": 0.7193052263728809
}