{
  "aor": 0.0029662962962962963,
  "aqi": 0.00266928362962963,
  "bids_meta": {
    "AcquisitionNumber": 8,
    "BidsifyVersion": "0.3.5",
    "ConversionSoftware": "dcm2niix",
    "ConversionSoftwareVersion": "v1.0.20181125  GCC6.3.0",
    "EchoTime": 0.02763,
    "EffectiveEchoSpacing": 0.0006909035636805814,
    "FlipAngle": 76.1,
    "ImageComments": "PIOP2",
    "ImageOrientationPatientDICOM": [
      0.999928,
      -0.00168445,
      0.0119151,
      0.00401399,
      0.980134,
      -0.198295
    ],
    "Manufacturer": "Philips",
    "NumberOfVolumesDiscardedByScanner": 2,
    "ParallelAcquisitionTechnique": "SENSE",
    "ParallelReductionFactorInPlane": 2,
    "PatientPosition": "HFS",
    "PhaseEncodingDirection": "j",
    "PhilipsRescaleIntercept": 0,
    "PhilipsRescaleSlope": 0.82515,
    "PhilipsScaleSlope": 0.0567703,
    "ProtocolName": "WIPtask-harriri_boldSENSE",
    "PulseSequenceType": "gradient echo EPI",
    "ReconMatrixPE": 80,
    "RepetitionTime": 2,
    "SeriesDescription": "ImageMRSERIES",
    "SeriesNumber": 8,
    "SliceEncodingDirection": "k",
    "SliceTiming": [
      0.0,
      0.0556,
      0.1111,
      0.1667,
      0.2222,
      0.2778,
      0.3333,
      0.3889,
      0.4444,
      0.5,
      0.5556,
      0.6111,
      0.6667,
      0.7222,
      0.7778,
      0.8333,
      0.8889,
      0.9444,
      1.0,
      1.0556,
      1.1111,
      1.1667,
      1.2222,
      1.2778,
      1.3333,
      1.3889,
      1.4444,
      1.5,
      1.5556,
      1.6111,
      1.6667,
      1.7222,
      1.7778,
      1.8333,
      1.8889,
      1.9444
    ],
    "TaskName": "emomatching",
    "TotalReadoutTime": 0.026945238983542674,
    "UsePhilipsFloatNotDisplayScaling": 1,
    "WaterFatShift": 12,
    "acq_id": "seq",
    "dataset": "ds002790",
    "modality": "bold",
    "subject_id": "0170",
    "task_id": "emomatching"
  },
  "dummy_trs": 0,
  "dvars_nstd": 22.04780050492537,
  "dvars_std": 1.4426513982835827,
  "dvars_vstd": 1.029106116119403,
  "efc": 0.40052199411625544,
  "fber": 276944.40625,
  "fd_mean": 0.08019779728930856,
  "fd_num": 1,
  "fd_perc": 0.7407407407407407,
  "fwhm_avg": 1.9493303118581686,
  "fwhm_x": 1.8655433333333333,
  "fwhm_y": 2.1496233333333334,
  "fwhm_z": 1.83282426890784,
  "gcor": 0.0191483,
  "gsr_x": -0.018129384145140648,
  "gsr_y": 0.002482173265889287,
  "provenance": {
    "md5sum": "1f2a7637c36fc54ab1924d168b8cc006",
    "settings": {
      "fd_thres": 0.2,
      "testing": false
    },
    "software": "mriqc",
    "version": "22.0.0rc1",
    "webapi_port": null,
    "webapi_url": "https://mriqc.nimh.nih.gov/api/v1"
  },
  "size_t": 135,
  "size_x": 80,
  "size_y": 80,
  "size_z": 36,
  "snr": 5.53797240724558,
  "spacing_tr": 2.0,
  "spacing_x": 3.0,
  "spacing_y": 3.0,
  "spacing_z": 3.299999952316284,
  "summary_bg_k": 88.33607233139548,
  "summary_bg_mad": 48.66823866818097,
  "summary_bg_mean": 404.9578857421875,
  "summary_bg_median": 45.98491668701172,
  "summary_bg_n": 159071.0,
  "summary_bg_p05": 3.1212453842163086,
  "summary_bg_p95": 1818.957275390625,
  "summary_bg_stdv": 1363.72705078125,
  "summary_fg_k": 2.06490407842921,
  "summary_fg_mad": 4101.842006970015,
  "summary_fg_mean": 25121.298828125,
  "summary_fg_median": 24716.59375,
  "summary_fg_n": 32105.0,
  "summary_fg_p05": 18783.0265625,
  "summary_fg_p95": 32429.827734374998,
  "summary_fg_stdv": 4463.04296875,
  "tsnr": 109.4585189819336
}