{
  "aor": 0.0021070403587443946,
  "aqi": 0.002592248206278027,
  "bids_meta": {
    "AcquisitionNumber": 7,
    "BidsifyVersion": "0.3.5",
    "ConversionSoftware": "dcm2niix",
    "ConversionSoftwareVersion": "v1.0.20181125  GCC6.3.0",
    "EchoTime": 0.02763,
    "EffectiveEchoSpacing": 0.0006909035636805814,
    "FlipAngle": 76.1,
    "ImageComments": "PIOP2",
    "ImageOrientationPatientDICOM": [
      0.999928,
      -0.00168445,
      0.0119151,
      0.00401399,
      0.980134,
      -0.198295
    ],
    "Manufacturer": "Philips",
    "NumberOfVolumesDiscardedByScanner": 2,
    "ParallelAcquisitionTechnique": "SENSE",
    "ParallelReductionFactorInPlane": 2,
    "PatientPosition": "HFS",
    "PhaseEncodingDirection": "j",
    "PhilipsRescaleIntercept": 0,
    "PhilipsRescaleSlope": 0.80757,
    "PhilipsScaleSlope": 0.0572603,
    "ProtocolName": "WIPtask-stop_boldSENSE",
    "PulseSequenceType": "gradient echo EPI",
    "ReconMatrixPE": 80,
    "RepetitionTime": 2,
    "SeriesDescription": "ImageMRSERIES",
    "SeriesNumber": 7,
    "SliceEncodingDirection": "k",
    "SliceTiming": [
      0.0,
      0.0556,
      0.1111,
      0.1667,
      0.2222,
      0.2778,
      0.3333,
      0.3889,
      0.4444,
      0.5,
      0.5556,
      0.6111,
      0.6667,
      0.7222,
      0.7778,
      0.8333,
      0.8889,
      0.9444,
      1.0,
      1.0556,
      1.1111,
      1.1667,
      1.2222,
      1.2778,
      1.3333,
      1.3889,
      1.4444,
      1.5,
      1.5556,
      1.6111,
      1.6667,
      1.7222,
      1.7778,
      1.8333,
      1.8889,
      1.9444
    ],
    "TaskName": "stopsignal",
    "TotalReadoutTime": 0.026945238983542674,
    "UsePhilipsFloatNotDisplayScaling": 1,
    "WaterFatShift": 12,
    "acq_id": "seq",
    "dataset": "ds002790",
    "modality": "bold",
    "subject_id": "0170",
    "task_id": "stopsignal"
  },
  "dummy_trs": 0,
  "dvars_nstd": 21.749198595855855,
  "dvars_std": 1.4147887749549541,
  "dvars_vstd": 1.0212232246846842,
  "efc": 0.40011608407204763,
  "fber": 272107.78125,
  "fd_mean": 0.08668041544912652,
  "fd_num": 3,
  "fd_perc": 1.345291479820628,
  "fwhm_avg": 1.9477210189252414,
  "fwhm_x": 1.8603333333333334,
  "fwhm_y": 2.15076,
  "fwhm_z": 1.8320697234423915,
  "gcor": 0.0227005,
  "gsr_x": -0.01815889962017536,
  "gsr_y": 0.003287201514467597,
  "provenance": {
    "md5sum": "d3796ac6a45f8ecf24774ec01f8ff17a",
    "settings": {
      "fd_thres": 0.2,
      "testing": false
    },
    "software": "mriqc",
    "version": "22.0.0rc1",
    "webapi_port": null,
    "webapi_url": "https://mriqc.nimh.nih.gov/api/v1"
  },
  "size_t": 223,
  "size_x": 80,
  "size_y": 80,
  "size_z": 36,
  "snr": 5.536725553105896,
  "spacing_tr": 2.0,
  "spacing_x": 3.0,
  "spacing_y": 3.0,
  "spacing_z": 3.299999952316284,
  "summary_bg_k": 89.58717465757974,
  "summary_bg_mad": 48.876835649132616,
  "summary_bg_mean": 402.4861145019531,
  "summary_bg_median": 46.414371490478516,
  "summary_bg_n": 159120.0,
  "summary_bg_p05": 3.357040333747864,
  "summary_bg_p95": 1803.2682434082008,
  "summary_bg_stdv": 1360.3868408203125,
  "summary_fg_k": 2.0267884155415503,
  "summary_fg_mad": 4108.840931896047,
  "summary_fg_mean": 25108.61328125,
  "summary_fg_median": 24710.52734375,
  "summary_fg_n": 31997.0,
  "summary_fg_p05": 18786.150390625,
  "summary_fg_p95": 32452.110937499998,
  "summary_fg_stdv": 4462.9521484375,
  "tsnr": 107.83089447021484
}