{
  "aor": 0.0021116875,
  "aqi": 0.0032301895,
  "bids_meta": {
    "AcquisitionNumber": 3,
    "BidsifyVersion": "0.3.5",
    "ConversionSoftware": "dcm2niix",
    "ConversionSoftwareVersion": "v1.0.20181125  GCC6.3.0",
    "EchoTime": 0.02763,
    "EffectiveEchoSpacing": 0.0006909035636805814,
    "FlipAngle": 76.1,
    "ImageComments": "PIOP2",
    "ImageOrientationPatientDICOM": [
      0.999928,
      -0.00168445,
      0.0119151,
      0.00401399,
      0.980134,
      -0.198295
    ],
    "Manufacturer": "Philips",
    "NumberOfVolumesDiscardedByScanner": 2,
    "ParallelAcquisitionTechnique": "SENSE",
    "ParallelReductionFactorInPlane": 2,
    "PatientPosition": "HFS",
    "PhaseEncodingDirection": "j",
    "PhilipsRescaleIntercept": 0,
    "PhilipsRescaleSlope": 0.81905,
    "PhilipsScaleSlope": 0.0556276,
    "ProtocolName": "WIPtask-wm_boldSENSE",
    "PulseSequenceType": "gradient echo EPI",
    "ReconMatrixPE": 80,
    "RepetitionTime": 2,
    "SeriesDescription": "ImageMRSERIES",
    "SeriesNumber": 3,
    "SliceEncodingDirection": "k",
    "SliceTiming": [
      0.0,
      0.0556,
      0.1111,
      0.1667,
      0.2222,
      0.2778,
      0.3333,
      0.3889,
      0.4444,
      0.5,
      0.5556,
      0.6111,
      0.6667,
      0.7222,
      0.7778,
      0.8333,
      0.8889,
      0.9444,
      1.0,
      1.0556,
      1.1111,
      1.1667,
      1.2222,
      1.2778,
      1.3333,
      1.3889,
      1.4444,
      1.5,
      1.5556,
      1.6111,
      1.6667,
      1.7222,
      1.7778,
      1.8333,
      1.8889,
      1.9444
    ],
    "TaskName": "workingmemory",
    "TotalReadoutTime": 0.026945238983542674,
    "UsePhilipsFloatNotDisplayScaling": 1,
    "WaterFatShift": 12,
    "acq_id": "seq",
    "dataset": "ds002790",
    "modality": "bold",
    "subject_id": "0170",
    "task_id": "workingmemory"
  },
  "dummy_trs": 0,
  "dvars_nstd": 20.60294175238993,
  "dvars_std": 1.3285349352201254,
  "dvars_vstd": 0.9967946476729567,
  "efc": 0.39911177183459773,
  "fber": 280501.09375,
  "fd_mean": 0.07434983596129026,
  "fd_num": 1,
  "fd_perc": 0.625,
  "fwhm_avg": 1.9374310188152641,
  "fwhm_x": 1.8627466666666666,
  "fwhm_y": 2.14031,
  "fwhm_z": 1.8092363897791255,
  "gcor": 0.0249864,
  "gsr_x": -0.01791365072131157,
  "gsr_y": 0.0030611876863986254,
  "provenance": {
    "md5sum": "c7aea4c5ff2dc375c45f72c9ce3158ee",
    "settings": {
      "fd_thres": 0.2,
      "testing": false
    },
    "software": "mriqc",
    "version": "22.0.0rc1",
    "webapi_port": null,
    "webapi_url": "https://mriqc.nimh.nih.gov/api/v1"
  },
  "size_t": 160,
  "size_x": 80,
  "size_y": 80,
  "size_z": 36,
  "snr": 5.509991328528467,
  "spacing_tr": 2.0,
  "spacing_x": 3.0,
  "spacing_y": 3.0,
  "spacing_z": 3.299999952316284,
  "summary_bg_k": 85.32232773580976,
  "summary_bg_mad": 48.19613796422825,
  "summary_bg_mean": 394.267578125,
  "summary_bg_median": 45.945613861083984,
  "summary_bg_n": 159116.0,
  "summary_bg_p05": 3.2448028326034546,
  "summary_bg_p95": 1757.6250305175781,
  "summary_bg_stdv": 1334.8306884765625,
  "summary_fg_k": 2.0769810441940324,
  "summary_fg_mad": 4155.195416884011,
  "summary_fg_mean": 25272.60546875,
  "summary_fg_median": 24865.62109375,
  "summary_fg_n": 31970.0,
  "summary_fg_p05": 18850.67314453125,
  "summary_fg_p95": 32690.62890625,
  "summary_fg_stdv": 4512.75341796875,
  "tsnr": 93.77669525146484
}