{
  "aor": 0.0017243946188340807,
  "aqi": 0.003509390807174888,
  "bids_meta": {
    "AcquisitionNumber": 7,
    "BidsifyVersion": "0.3.5",
    "ConversionSoftware": "dcm2niix",
    "ConversionSoftwareVersion": "v1.0.20181125  GCC6.3.0",
    "EchoTime": 0.02763,
    "EffectiveEchoSpacing": 0.0006909035636805814,
    "FlipAngle": 76.1,
    "ImageComments": "PIOP2",
    "ImageOrientationPatientDICOM": [
      0.999749,
      -0.0223065,
      0.00211392,
      0.0223383,
      0.984917,
      -0.171581
    ],
    "Manufacturer": "Philips",
    "NumberOfVolumesDiscardedByScanner": 2,
    "ParallelAcquisitionTechnique": "SENSE",
    "ParallelReductionFactorInPlane": 2,
    "PatientPosition": "HFS",
    "PhaseEncodingDirection": "j",
    "PhilipsRescaleIntercept": 0,
    "PhilipsRescaleSlope": 0.76386,
    "PhilipsScaleSlope": 0.053414,
    "ProtocolName": "WIPtask-stop_boldSENSE",
    "PulseSequenceType": "gradient echo EPI",
    "ReconMatrixPE": 80,
    "RepetitionTime": 2,
    "SeriesDescription": "ImageMRSERIES",
    "SeriesNumber": 7,
    "SliceEncodingDirection": "k",
    "SliceTiming": [
      0.0,
      0.0556,
      0.1111,
      0.1667,
      0.2222,
      0.2778,
      0.3333,
      0.3889,
      0.4444,
      0.5,
      0.5556,
      0.6111,
      0.6667,
      0.7222,
      0.7778,
      0.8333,
      0.8889,
      0.9444,
      1.0,
      1.0556,
      1.1111,
      1.1667,
      1.2222,
      1.2778,
      1.3333,
      1.3889,
      1.4444,
      1.5,
      1.5556,
      1.6111,
      1.6667,
      1.7222,
      1.7778,
      1.8333,
      1.8889,
      1.9444
    ],
    "TaskName": "stopsignal",
    "TotalReadoutTime": 0.026945238983542674,
    "UsePhilipsFloatNotDisplayScaling": 1,
    "WaterFatShift": 12,
    "acq_id": "seq",
    "dataset": "ds002790",
    "modality": "bold",
    "subject_id": "0194",
    "task_id": "stopsignal"
  },
  "dummy_trs": 0,
  "dvars_nstd": 18.594214448018022,
  "dvars_std": 1.3138442274774766,
  "dvars_vstd": 1.0017757173873874,
  "efc": 0.40421950755122443,
  "fber": 285939.15625,
  "fd_mean": 0.10477363731699708,
  "fd_num": 6,
  "fd_perc": 2.690582959641256,
  "fwhm_avg": 1.905661523928311,
  "fwhm_x": 1.8940533333333331,
  "fwhm_y": 2.00071,
  "fwhm_z": 1.8222212384516,
  "gcor": 0.0344601,
  "gsr_x": -0.016118217259645462,
  "gsr_y": 0.013988056220114231,
  "provenance": {
    "md5sum": "7b8252c16ec8ae51218d110c7a186af1",
    "settings": {
      "fd_thres": 0.2,
      "testing": false
    },
    "software": "mriqc",
    "version": "22.0.0rc1",
    "webapi_port": null,
    "webapi_url": "https://mriqc.nimh.nih.gov/api/v1"
  },
  "size_t": 223,
  "size_x": 80,
  "size_y": 80,
  "size_z": 36,
  "snr": 5.890501137567437,
  "spacing_tr": 2.0,
  "spacing_x": 3.0,
  "spacing_y": 3.0,
  "spacing_z": 3.299999952316284,
  "summary_bg_k": 178.31090318015762,
  "summary_bg_mad": 52.27704943572827,
  "summary_bg_mean": 491.175537109375,
  "summary_bg_median": 51.06846237182617,
  "summary_bg_n": 158375.0,
  "summary_bg_p05": 4.365195178985596,
  "summary_bg_p95": 2322.7304687499964,
  "summary_bg_stdv": 1803.149169921875,
  "summary_fg_k": 2.394882756661791,
  "summary_fg_mad": 4249.3623755650515,
  "summary_fg_mean": 28358.36328125,
  "summary_fg_median": 27754.1328125,
  "summary_fg_n": 32286.0,
  "summary_fg_p05": 21987.9345703125,
  "summary_fg_p95": 36494.7822265625,
  "summary_fg_stdv": 4711.60302734375,
  "tsnr": 102.03816223144531
}