{
  "aor": 0.002573185185185185,
  "aqi": 0.0025391161481481484,
  "bids_meta": {
    "AcquisitionNumber": 8,
    "BidsifyVersion": "0.3.5",
    "ConversionSoftware": "dcm2niix",
    "ConversionSoftwareVersion": "v1.0.20181125  GCC6.3.0",
    "EchoTime": 0.02763,
    "EffectiveEchoSpacing": 0.0006909035636805814,
    "FlipAngle": 76.1,
    "ImageComments": "PIOP2",
    "ImageOrientationPatientDICOM": [
      0.999749,
      -0.0223065,
      0.00211392,
      0.0223383,
      0.984917,
      -0.171581
    ],
    "Manufacturer": "Philips",
    "NumberOfVolumesDiscardedByScanner": 2,
    "ParallelAcquisitionTechnique": "SENSE",
    "ParallelReductionFactorInPlane": 2,
    "PatientPosition": "HFS",
    "PhaseEncodingDirection": "j",
    "PhilipsRescaleIntercept": 0,
    "PhilipsRescaleSlope": 0.78803,
    "PhilipsScaleSlope": 0.0509231,
    "ProtocolName": "WIPtask-harriri_boldSENSE",
    "PulseSequenceType": "gradient echo EPI",
    "ReconMatrixPE": 80,
    "RepetitionTime": 2,
    "SeriesDescription": "ImageMRSERIES",
    "SeriesNumber": 8,
    "SliceEncodingDirection": "k",
    "SliceTiming": [
      0.0,
      0.0556,
      0.1111,
      0.1667,
      0.2222,
      0.2778,
      0.3333,
      0.3889,
      0.4444,
      0.5,
      0.5556,
      0.6111,
      0.6667,
      0.7222,
      0.7778,
      0.8333,
      0.8889,
      0.9444,
      1.0,
      1.0556,
      1.1111,
      1.1667,
      1.2222,
      1.2778,
      1.3333,
      1.3889,
      1.4444,
      1.5,
      1.5556,
      1.6111,
      1.6667,
      1.7222,
      1.7778,
      1.8333,
      1.8889,
      1.9444
    ],
    "TaskName": "emomatching",
    "TotalReadoutTime": 0.026945238983542674,
    "UsePhilipsFloatNotDisplayScaling": 1,
    "WaterFatShift": 12,
    "acq_id": "seq",
    "dataset": "ds002790",
    "modality": "bold",
    "subject_id": "0194",
    "task_id": "emomatching"
  },
  "dummy_trs": 0,
  "dvars_nstd": 18.757874396567164,
  "dvars_std": 1.3524363709701497,
  "dvars_vstd": 1.0250234961194025,
  "efc": 0.4040243378953023,
  "fber": 285678.625,
  "fd_mean": 0.11917295239646686,
  "fd_num": 6,
  "fd_perc": 4.444444444444445,
  "fwhm_avg": 1.921832837144045,
  "fwhm_x": 1.9071966666666667,
  "fwhm_y": 2.018553333333333,
  "fwhm_z": 1.839748511432135,
  "gcor": 0.0266084,
  "gsr_x": -0.015951693058013916,
  "gsr_y": 0.014084507711231709,
  "provenance": {
    "md5sum": "b10d59bfbd9ceb5ae31d7c674c3b78ca",
    "settings": {
      "fd_thres": 0.2,
      "testing": false
    },
    "software": "mriqc",
    "version": "22.0.0rc1",
    "webapi_port": null,
    "webapi_url": "https://mriqc.nimh.nih.gov/api/v1"
  },
  "size_t": 135,
  "size_x": 80,
  "size_y": 80,
  "size_z": 36,
  "snr": 5.833508003217784,
  "spacing_tr": 2.0,
  "spacing_x": 3.0,
  "spacing_y": 3.0,
  "spacing_z": 3.299999952316284,
  "summary_bg_k": 166.03747647654333,
  "summary_bg_mad": 53.06030719688989,
  "summary_bg_mean": 493.9653625488281,
  "summary_bg_median": 51.46482849121094,
  "summary_bg_n": 158401.0,
  "summary_bg_p05": 3.8761425018310547,
  "summary_bg_p95": 2339.635986328125,
  "summary_bg_stdv": 1788.3035888671875,
  "summary_fg_k": 2.298028806849402,
  "summary_fg_mad": 4333.133744471806,
  "summary_fg_mean": 28644.25390625,
  "summary_fg_median": 28017.40234375,
  "summary_fg_n": 32317.0,
  "summary_fg_p05": 22114.934375,
  "summary_fg_p95": 36868.402343749985,
  "summary_fg_stdv": 4802.76513671875,
  "tsnr": 114.06651306152344
}