{
  "aor": 0.0015068750000000002,
  "aqi": 0.003151132833333333,
  "bids_meta": {
    "AcquisitionNumber": 4,
    "BidsifyVersion": "0.3.5",
    "ConversionSoftware": "dcm2niix",
    "ConversionSoftwareVersion": "v1.0.20181125  GCC6.3.0",
    "EchoTime": 0.02763,
    "EffectiveEchoSpacing": 0.0006909035636805814,
    "FlipAngle": 76.1,
    "ImageComments": "PIOP2",
    "ImageOrientationPatientDICOM": [
      0.999749,
      -0.0223065,
      0.00211392,
      0.0223383,
      0.984917,
      -0.171581
    ],
    "Manufacturer": "Philips",
    "NumberOfVolumesDiscardedByScanner": 2,
    "ParallelAcquisitionTechnique": "SENSE",
    "ParallelReductionFactorInPlane": 2,
    "PatientPosition": "HFS",
    "PhaseEncodingDirection": "j",
    "PhilipsRescaleIntercept": 0,
    "PhilipsRescaleSlope": 0.77485,
    "PhilipsScaleSlope": 0.0518179,
    "ProtocolName": "WIPtask-rest_boldSENSE",
    "PulseSequenceType": "gradient echo EPI",
    "ReconMatrixPE": 80,
    "RepetitionTime": 2,
    "SeriesDescription": "ImageMRSERIES",
    "SeriesNumber": 4,
    "SliceEncodingDirection": "k",
    "SliceTiming": [
      0.0,
      0.0556,
      0.1111,
      0.1667,
      0.2222,
      0.2778,
      0.3333,
      0.3889,
      0.4444,
      0.5,
      0.5556,
      0.6111,
      0.6667,
      0.7222,
      0.7778,
      0.8333,
      0.8889,
      0.9444,
      1.0,
      1.0556,
      1.1111,
      1.1667,
      1.2222,
      1.2778,
      1.3333,
      1.3889,
      1.4444,
      1.5,
      1.5556,
      1.6111,
      1.6667,
      1.7222,
      1.7778,
      1.8333,
      1.8889,
      1.9444
    ],
    "TaskName": "restingstate",
    "TotalReadoutTime": 0.026945238983542674,
    "UsePhilipsFloatNotDisplayScaling": 1,
    "WaterFatShift": 12,
    "acq_id": "seq",
    "dataset": "ds002790",
    "modality": "bold",
    "subject_id": "0194",
    "task_id": "restingstate"
  },
  "dummy_trs": 0,
  "dvars_nstd": 18.731217444225944,
  "dvars_std": 1.315205134811716,
  "dvars_vstd": 0.9947792256066951,
  "efc": 0.402975331889031,
  "fber": 285711.84375,
  "fd_mean": 0.12317022342393616,
  "fd_num": 13,
  "fd_perc": 5.416666666666667,
  "fwhm_avg": 1.9282561705483419,
  "fwhm_x": 1.9164566666666667,
  "fwhm_y": 2.01383,
  "fwhm_z": 1.854481844978359,
  "gcor": 0.0274617,
  "gsr_x": -0.015876153483986855,
  "gsr_y": 0.013372914865612984,
  "provenance": {
    "md5sum": "f1f444ca40d10e984cfa2dd6b45950f0",
    "settings": {
      "fd_thres": 0.2,
      "testing": false
    },
    "software": "mriqc",
    "version": "22.0.0rc1",
    "webapi_port": null,
    "webapi_url": "https://mriqc.nimh.nih.gov/api/v1"
  },
  "size_t": 240,
  "size_x": 80,
  "size_y": 80,
  "size_z": 36,
  "snr": 5.803695804896497,
  "spacing_tr": 2.0,
  "spacing_x": 3.0,
  "spacing_y": 3.0,
  "spacing_z": 3.299999952316284,
  "summary_bg_k": 173.2641051671821,
  "summary_bg_mad": 52.31556460719138,
  "summary_bg_mean": 485.2812805175781,
  "summary_bg_median": 50.95784378051758,
  "summary_bg_n": 158527.0,
  "summary_bg_p05": 4.188056945800781,
  "summary_bg_p95": 2271.6577880859368,
  "summary_bg_stdv": 1794.9183349609375,
  "summary_fg_k": 2.382054695167544,
  "summary_fg_mad": 4284.038472374827,
  "summary_fg_mean": 28342.498046875,
  "summary_fg_median": 27725.15625,
  "summary_fg_n": 32166.0,
  "summary_fg_p05": 21899.91162109375,
  "summary_fg_p95": 36610.9013671875,
  "summary_fg_stdv": 4777.0810546875,
  "tsnr": 103.18064880371094
}