{
  "aor": 0.0034310833333333333,
  "aqi": 0.0100531725,
  "bids_meta": {
    "AcquisitionNumber": 4,
    "BidsifyVersion": "0.3.5",
    "ConversionSoftware": "dcm2niix",
    "ConversionSoftwareVersion": "v1.0.20181125  GCC6.3.0",
    "EchoTime": 0.02763,
    "EffectiveEchoSpacing": 0.0006909035636805814,
    "FlipAngle": 76.1,
    "ImageComments": "PIOP2",
    "ImageOrientationPatientDICOM": [
      0.997313,
      -0.0663228,
      0.031106,
      0.0713133,
      0.97612,
      -0.205191
    ],
    "Manufacturer": "Philips",
    "NumberOfVolumesDiscardedByScanner": 2,
    "ParallelAcquisitionTechnique": "SENSE",
    "ParallelReductionFactorInPlane": 2,
    "PatientPosition": "HFS",
    "PhaseEncodingDirection": "j",
    "PhilipsRescaleIntercept": 0,
    "PhilipsRescaleSlope": 0.779,
    "PhilipsScaleSlope": 0.0533502,
    "ProtocolName": "WIPtask-rest_boldSENSE",
    "PulseSequenceType": "gradient echo EPI",
    "ReconMatrixPE": 80,
    "RepetitionTime": 2,
    "SeriesDescription": "ImageMRSERIES",
    "SeriesNumber": 4,
    "SliceEncodingDirection": "k",
    "SliceTiming": [
      0.0,
      0.0556,
      0.1111,
      0.1667,
      0.2222,
      0.2778,
      0.3333,
      0.3889,
      0.4444,
      0.5,
      0.5556,
      0.6111,
      0.6667,
      0.7222,
      0.7778,
      0.8333,
      0.8889,
      0.9444,
      1.0,
      1.0556,
      1.1111,
      1.1667,
      1.2222,
      1.2778,
      1.3333,
      1.3889,
      1.4444,
      1.5,
      1.5556,
      1.6111,
      1.6667,
      1.7222,
      1.7778,
      1.8333,
      1.8889,
      1.9444
    ],
    "TaskName": "restingstate",
    "TotalReadoutTime": 0.026945238983542674,
    "UsePhilipsFloatNotDisplayScaling": 1,
    "WaterFatShift": 12,
    "acq_id": "seq",
    "dataset": "ds002790",
    "modality": "bold",
    "subject_id": "0086",
    "task_id": "restingstate"
  },
  "dummy_trs": 0,
  "dvars_nstd": 19.46883877535564,
  "dvars_std": 1.168793275857741,
  "dvars_vstd": 0.9781286094979077,
  "efc": 0.4791979388955628,
  "fber": 179859.28125,
  "fd_mean": 0.20816815462069657,
  "fd_num": 121,
  "fd_perc": 50.416666666666664,
  "fwhm_avg": 2.072950514224972,
  "fwhm_x": 1.9536833333333332,
  "fwhm_y": 2.3603833333333335,
  "fwhm_z": 1.9047848760082489,
  "gcor": 0.0550606,
  "gsr_x": -0.019193457439541817,
  "gsr_y": 0.02540954202413559,
  "provenance": {
    "md5sum": "54d28a1fdb374dbe7e0b63f03197de58",
    "settings": {
      "fd_thres": 0.2,
      "testing": false
    },
    "software": "mriqc",
    "version": "22.0.0rc1",
    "webapi_port": null,
    "webapi_url": "https://mriqc.nimh.nih.gov/api/v1"
  },
  "size_t": 240,
  "size_x": 80,
  "size_y": 80,
  "size_z": 36,
  "snr": 6.406351700755229,
  "spacing_tr": 2.0,
  "spacing_x": 3.0,
  "spacing_y": 3.0,
  "spacing_z": 3.299999952316284,
  "summary_bg_k": 30.405276458706602,
  "summary_bg_mad": 63.17320494450779,
  "summary_bg_mean": 735.4443359375,
  "summary_bg_median": 60.00025939941406,
  "summary_bg_n": 144964.0,
  "summary_bg_p05": 6.48637580871582,
  "summary_bg_p95": 4413.833300781256,
  "summary_bg_stdv": 1921.93603515625,
  "summary_fg_k": 3.9076202075384625,
  "summary_fg_mad": 3243.2676413749127,
  "summary_fg_mean": 26510.755859375,
  "summary_fg_median": 26111.73828125,
  "summary_fg_n": 43579.0,
  "summary_fg_p05": 20977.541015625,
  "summary_fg_p95": 32994.095703125,
  "summary_fg_stdv": 4075.8671875,
  "tsnr": 73.76225280761719
}