{
  "aor": 0.0010872500000000001,
  "aqi": 0.007954967375,
  "bids_meta": {
    "AcquisitionNumber": 3,
    "BidsifyVersion": "0.3.5",
    "ConversionSoftware": "dcm2niix",
    "ConversionSoftwareVersion": "v1.0.20181125  GCC6.3.0",
    "EchoTime": 0.02763,
    "EffectiveEchoSpacing": 0.0006909035636805814,
    "FlipAngle": 76.1,
    "ImageComments": "PIOP2",
    "ImageOrientationPatientDICOM": [
      0.997313,
      -0.0663228,
      0.031106,
      0.0713133,
      0.97612,
      -0.205191
    ],
    "Manufacturer": "Philips",
    "NumberOfVolumesDiscardedByScanner": 2,
    "ParallelAcquisitionTechnique": "SENSE",
    "ParallelReductionFactorInPlane": 2,
    "PatientPosition": "HFS",
    "PhaseEncodingDirection": "j",
    "PhilipsRescaleIntercept": 0,
    "PhilipsRescaleSlope": 0.78706,
    "PhilipsScaleSlope": 0.0530233,
    "ProtocolName": "WIPtask-wm_boldSENSE",
    "PulseSequenceType": "gradient echo EPI",
    "ReconMatrixPE": 80,
    "RepetitionTime": 2,
    "SeriesDescription": "ImageMRSERIES",
    "SeriesNumber": 3,
    "SliceEncodingDirection": "k",
    "SliceTiming": [
      0.0,
      0.0556,
      0.1111,
      0.1667,
      0.2222,
      0.2778,
      0.3333,
      0.3889,
      0.4444,
      0.5,
      0.5556,
      0.6111,
      0.6667,
      0.7222,
      0.7778,
      0.8333,
      0.8889,
      0.9444,
      1.0,
      1.0556,
      1.1111,
      1.1667,
      1.2222,
      1.2778,
      1.3333,
      1.3889,
      1.4444,
      1.5,
      1.5556,
      1.6111,
      1.6667,
      1.7222,
      1.7778,
      1.8333,
      1.8889,
      1.9444
    ],
    "TaskName": "workingmemory",
    "TotalReadoutTime": 0.026945238983542674,
    "UsePhilipsFloatNotDisplayScaling": 1,
    "WaterFatShift": 12,
    "acq_id": "seq",
    "dataset": "ds002790",
    "modality": "bold",
    "subject_id": "0086",
    "task_id": "workingmemory"
  },
  "dummy_trs": 0,
  "dvars_nstd": 18.861404616981115,
  "dvars_std": 1.1473062489937107,
  "dvars_vstd": 0.9584818906918235,
  "efc": 0.4796356082907027,
  "fber": 176487.59375,
  "fd_mean": 0.1824440801595527,
  "fd_num": 60,
  "fd_perc": 37.5,
  "fwhm_avg": 2.087992433551316,
  "fwhm_x": 1.9600533333333334,
  "fwhm_y": 2.37123,
  "fwhm_z": 1.9326939673206152,
  "gcor": 0.0794878,
  "gsr_x": -0.019638940691947937,
  "gsr_y": 0.025115247815847397,
  "provenance": {
    "md5sum": "707e63ec303854dd6c4cb0cc4c7493fc",
    "settings": {
      "fd_thres": 0.2,
      "testing": false
    },
    "software": "mriqc",
    "version": "22.0.0rc1",
    "webapi_port": null,
    "webapi_url": "https://mriqc.nimh.nih.gov/api/v1"
  },
  "size_t": 160,
  "size_x": 80,
  "size_y": 80,
  "size_z": 36,
  "snr": 6.375623416395492,
  "spacing_tr": 2.0,
  "spacing_x": 3.0,
  "spacing_y": 3.0,
  "spacing_z": 3.299999952316284,
  "summary_bg_k": 33.416913389721465,
  "summary_bg_mad": 66.49349409463889,
  "summary_bg_mean": 732.3380737304688,
  "summary_bg_median": 61.311622619628906,
  "summary_bg_n": 144731.0,
  "summary_bg_p05": 5.512998104095459,
  "summary_bg_p95": 4377.61083984375,
  "summary_bg_stdv": 1924.239990234375,
  "summary_fg_k": 3.5616591557459385,
  "summary_fg_mad": 3365.7937110460603,
  "summary_fg_mean": 26812.2265625,
  "summary_fg_median": 26406.09375,
  "summary_fg_n": 43917.0,
  "summary_fg_p05": 21165.2046875,
  "summary_fg_p95": 33455.48046875,
  "summary_fg_stdv": 4141.68017578125,
  "tsnr": 77.35392761230469
}