{
  "bids_meta": {
    "AcquisitionNumber": 2,
    "BidsifyVersion": "0.3.5",
    "ConversionSoftware": "dcm2niix",
    "ConversionSoftwareVersion": "v1.0.20181125  GCC6.3.0",
    "EchoTime": 0.00373,
    "ImageComments": "PIOP2",
    "ImageOrientationPatientDICOM": [
      0.999605,
      0.00657565,
      0.0273177,
      -0.00819999,
      0.998178,
      0.0597812
    ],
    "Manufacturer": "Philips",
    "NumberSignalAcquisitions": 2,
    "PatientPosition": "HFS",
    "PhilipsRescaleIntercept": 0,
    "PhilipsRescaleSlope": 8.46398,
    "PhilipsScaleSlope": 0.00748753,
    "ProtocolName": "WIPT1anat_acq-6m_T1wSENSE",
    "ReconMatrixPE": 240,
    "RepetitionTime": 0.008161,
    "SeriesDescription": "ImageMRSERIES",
    "SeriesNumber": 2,
    "UsePhilipsFloatNotDisplayScaling": 1,
    "dataset": "ds002790",
    "modality": "T1w",
    "subject_id": "0134"
  },
  "cjv": 0.26312886323198,
  "cnr": 4.426845754656841,
  "efc": 0.7528011029956635,
  "fber": 1051.10400390625,
  "fwhm_avg": 4.516603333333333,
  "fwhm_x": 4.15627,
  "fwhm_y": 4.64149,
  "fwhm_z": 4.75205,
  "icvs_csf": 0.2522783455337174,
  "icvs_gm": 0.4076356012258674,
  "icvs_wm": 0.3400860532404152,
  "inu_med": 0.5137162208557129,
  "inu_range": 0.17509040236473083,
  "provenance": {
    "md5sum": "8fc6e99a1b48482104ff99f050667414",
    "settings": {
      "testing": false
    },
    "software": "mriqc",
    "version": "22.0.0rc1",
    "warnings": {
      "large_rot_frame": true,
      "small_air_mask": true
    },
    "webapi_port": null,
    "webapi_url": "https://mriqc.nimh.nih.gov/api/v1"
  },
  "qi_1": 0.0,
  "qi_2": 8.203302752795132e-05,
  "rpve_csf": 24.76533776213845,
  "rpve_gm": 15.20732497576044,
  "rpve_wm": 22.87407306557749,
  "size_x": 240,
  "size_y": 240,
  "size_z": 220,
  "snr_csf": 2.7538234782299944,
  "snr_gm": 9.321813945329778,
  "snr_total": 11.662711263464244,
  "snr_wm": 22.91249636683296,
  "snrd_csf": 18.238780196469918,
  "snrd_gm": 36.92611138054434,
  "snrd_total": 37.696394839143466,
  "snrd_wm": 57.92429294041614,
  "spacing_x": 1.0,
  "spacing_y": 1.0,
  "spacing_z": 1.0,
  "summary_bg_k": 12.115895478843333,
  "summary_bg_mad": 11.310260056231742,
  "summary_bg_mean": 12.91959285736084,
  "summary_bg_median": 7.7953643798828125,
  "summary_bg_n": 183545.0,
  "summary_bg_p05": 0.0,
  "summary_bg_p95": 30.98374404907226,
  "summary_bg_stdv": 11.156927108764648,
  "summary_csf_k": -1.0325436349359354,
  "summary_csf_mad": 136.49747356994123,
  "summary_csf_mean": 299.3902282714844,
  "summary_csf_median": 314.8739013671875,
  "summary_csf_n": 14044.0,
  "summary_csf_p05": 116.92762031555176,
  "summary_csf_p95": 461.8735382080078,
  "summary_csf_stdv": 114.33655548095703,
  "summary_gm_k": 0.9587097934309963,
  "summary_gm_mad": 58.95171733892642,
  "summary_gm_mean": 644.0962524414062,
  "summary_gm_median": 637.4915771484375,
  "summary_gm_n": 22351.0,
  "summary_gm_p05": 542.7631225585938,
  "summary_gm_p95": 770.6825256347656,
  "summary_gm_stdv": 68.38554382324219,
  "summary_wm_k": 1.9692838046392422,
  "summary_wm_mad": 36.435691544811284,
  "summary_wm_mean": 995.2272338867188,
  "summary_wm_median": 1000.0037231445312,
  "summary_wm_n": 181499.0,
  "summary_wm_p05": 914.0801452636719,
  "summary_wm_p95": 1056.50361328125,
  "summary_wm_stdv": 43.64434814453125,
  "tpm_overlap_csf": 0.16409534215927124,
  "tpm_overlap_gm": 0.44569090008735657,
  "tpm_overlap_wm": 0.5008455514907837,
  "wm2max": 0.6082469495410392
}