{
  "bids_meta": {
    "AcquisitionNumber": 2,
    "BidsifyVersion": "0.3.5",
    "ConversionSoftware": "dcm2niix",
    "ConversionSoftwareVersion": "v1.0.20181125  GCC6.3.0",
    "EchoTime": 0.00381,
    "ImageComments": "PIOP2",
    "ImageOrientationPatientDICOM": [
      0.994945,
      0.0987812,
      -0.0180747,
      -0.10001,
      0.990958,
      -0.0894471
    ],
    "Manufacturer": "Philips",
    "NumberSignalAcquisitions": 2,
    "PatientPosition": "HFS",
    "PhilipsRescaleIntercept": 0,
    "PhilipsRescaleSlope": 9.11306,
    "PhilipsScaleSlope": 0.00730763,
    "ProtocolName": "WIPT1anat_acq-6m_T1wSENSE",
    "ReconMatrixPE": 240,
    "RepetitionTime": 0.008262,
    "SeriesDescription": "ImageMRSERIES",
    "SeriesNumber": 2,
    "UsePhilipsFloatNotDisplayScaling": 1,
    "dataset": "ds002790",
    "modality": "T1w",
    "subject_id": "0010"
  },
  "cjv": 0.246784060395093,
  "cnr": 4.924296801228744,
  "efc": 0.7612431692276554,
  "fber": 1452.7425537109375,
  "fwhm_avg": 4.341383423955843,
  "fwhm_x": 4.15141,
  "fwhm_y": 4.31156,
  "fwhm_z": 4.5611802718675305,
  "icvs_csf": 0.23708812229910703,
  "icvs_gm": 0.41514211004061075,
  "icvs_wm": 0.3477697676602822,
  "inu_med": 1.97734534740448,
  "inu_range": 0.4437105059623716,
  "provenance": {
    "md5sum": "de23153bf9d2dd4a0ada673f5169f1b8",
    "settings": {
      "testing": false
    },
    "software": "mriqc",
    "version": "22.0.0rc1",
    "warnings": {
      "large_rot_frame": true,
      "small_air_mask": true
    },
    "webapi_port": null,
    "webapi_url": "https://mriqc.nimh.nih.gov/api/v1"
  },
  "qi_1": 0.0,
  "qi_2": 0.0001193679962110198,
  "rpve_csf": 25.95918848394874,
  "rpve_gm": 15.139812274088076,
  "rpve_wm": 23.11813646368305,
  "size_x": 240,
  "size_y": 240,
  "size_z": 220,
  "snr_csf": 2.08908059718996,
  "snr_gm": 8.939401170259542,
  "snr_total": 11.742096563278844,
  "snr_wm": 24.19780792238703,
  "snrd_csf": 19.92052494450218,
  "snrd_gm": 48.82854125530406,
  "snrd_total": 49.72561644196794,
  "snrd_wm": 80.42778312609758,
  "spacing_x": 1.0,
  "spacing_y": 1.0,
  "spacing_z": 0.9999999403953552,
  "summary_bg_k": 23.49726434867306,
  "summary_bg_mad": 8.145611293690095,
  "summary_bg_mean": 8.712702751159668,
  "summary_bg_median": 5.69693660736084,
  "summary_bg_n": 128158.0,
  "summary_bg_p05": 0.0,
  "summary_bg_p95": 22.28477096557617,
  "summary_bg_stdv": 6.768144607543945,
  "summary_csf_k": 18.863713369168586,
  "summary_csf_mad": 137.53112801888136,
  "summary_csf_mean": 240.92156982421875,
  "summary_csf_median": 247.6810302734375,
  "summary_csf_n": 7958.0,
  "summary_csf_p05": 74.13534355163574,
  "summary_csf_p95": 413.4743408203125,
  "summary_csf_stdv": 118.55237579345703,
  "summary_gm_k": 0.7304971389914763,
  "summary_gm_mad": 62.897344977622126,
  "summary_gm_mean": 613.1192626953125,
  "summary_gm_median": 607.107666015625,
  "summary_gm_n": 29596.0,
  "summary_gm_p05": 514.7026062011719,
  "summary_gm_p95": 737.0155487060547,
  "summary_gm_stdv": 67.91253662109375,
  "summary_wm_k": 2.0984738971769366,
  "summary_wm_mad": 34.06112093837785,
  "summary_wm_mean": 994.9923706054688,
  "summary_wm_median": 999.9955444335938,
  "summary_wm_n": 182187.0,
  "summary_wm_p05": 918.7067932128906,
  "summary_wm_p95": 1051.9829223632812,
  "summary_wm_stdv": 41.32575988769531,
  "tpm_overlap_csf": 0.17332352697849274,
  "tpm_overlap_gm": 0.44946303963661194,
  "tpm_overlap_wm": 0.5108532905578613,
  "wm2max": 0.8285603110988923
}