{
  "aor": 0.0055995624999999995,
  "aqi": 0.0041868965000000005,
  "bids_meta": {
    "AcquisitionNumber": 3,
    "BidsifyVersion": "0.3.5",
    "ConversionSoftware": "dcm2niix",
    "ConversionSoftwareVersion": "v1.0.20181125  GCC6.3.0",
    "EchoTime": 0.02763,
    "EffectiveEchoSpacing": 0.0006909035636805814,
    "FlipAngle": 76.1,
    "ImageComments": "PIOP2",
    "ImageOrientationPatientDICOM": [
      0.998185,
      0.0538926,
      -0.026864,
      -0.0540598,
      0.998522,
      -0.00553659
    ],
    "Manufacturer": "Philips",
    "NumberOfVolumesDiscardedByScanner": 2,
    "ParallelAcquisitionTechnique": "SENSE",
    "ParallelReductionFactorInPlane": 2,
    "PatientPosition": "HFS",
    "PhaseEncodingDirection": "j",
    "PhilipsRescaleIntercept": 0,
    "PhilipsRescaleSlope": 0.78877,
    "PhilipsScaleSlope": 0.051224,
    "ProtocolName": "WIPtask-wm_boldSENSE",
    "PulseSequenceType": "gradient echo EPI",
    "ReconMatrixPE": 80,
    "RepetitionTime": 2,
    "SeriesDescription": "ImageMRSERIES",
    "SeriesNumber": 3,
    "SliceEncodingDirection": "k",
    "SliceTiming": [
      0.0,
      0.0556,
      0.1111,
      0.1667,
      0.2222,
      0.2778,
      0.3333,
      0.3889,
      0.4444,
      0.5,
      0.5556,
      0.6111,
      0.6667,
      0.7222,
      0.7778,
      0.8333,
      0.8889,
      0.9444,
      1.0,
      1.0556,
      1.1111,
      1.1667,
      1.2222,
      1.2778,
      1.3333,
      1.3889,
      1.4444,
      1.5,
      1.5556,
      1.6111,
      1.6667,
      1.7222,
      1.7778,
      1.8333,
      1.8889,
      1.9444
    ],
    "TaskName": "workingmemory",
    "TotalReadoutTime": 0.026945238983542674,
    "UsePhilipsFloatNotDisplayScaling": 1,
    "WaterFatShift": 12,
    "acq_id": "seq",
    "dataset": "ds002790",
    "modality": "bold",
    "subject_id": "0021",
    "task_id": "workingmemory"
  },
  "dummy_trs": 0,
  "dvars_nstd": 19.148278296226422,
  "dvars_std": 1.2913497513836485,
  "dvars_vstd": 1.0542946966037738,
  "efc": 0.4393112423635413,
  "fber": 198182.0,
  "fd_mean": 0.12846708444463503,
  "fd_num": 20,
  "fd_perc": 12.5,
  "fwhm_avg": 2.0305909180148576,
  "fwhm_x": 1.9523233333333332,
  "fwhm_y": 2.2866766666666667,
  "fwhm_z": 1.8527727540445726,
  "gcor": 0.0341733,
  "gsr_x": -0.01508225779980421,
  "gsr_y": 0.02174515649676323,
  "provenance": {
    "md5sum": "5280caa8330064d18ae2465f9aefbc56",
    "settings": {
      "fd_thres": 0.2,
      "testing": false
    },
    "software": "mriqc",
    "version": "22.0.0rc1",
    "webapi_port": null,
    "webapi_url": "https://mriqc.nimh.nih.gov/api/v1"
  },
  "size_t": 160,
  "size_x": 80,
  "size_y": 80,
  "size_z": 36,
  "snr": 5.530551653166284,
  "spacing_tr": 2.0,
  "spacing_x": 3.0,
  "spacing_y": 3.0,
  "spacing_z": 3.299999952316284,
  "summary_bg_k": 58.87050597701839,
  "summary_bg_mad": 64.12901604671879,
  "summary_bg_mean": 655.0361938476562,
  "summary_bg_median": 58.39263153076172,
  "summary_bg_n": 152728.0,
  "summary_bg_p05": 6.105154299736023,
  "summary_bg_p95": 2912.3283691406227,
  "summary_bg_stdv": 1922.948486328125,
  "summary_fg_k": 2.413683253052217,
  "summary_fg_mad": 4156.851761549998,
  "summary_fg_mean": 27070.6015625,
  "summary_fg_median": 26697.572265625,
  "summary_fg_n": 36812.0,
  "summary_fg_p05": 20109.3251953125,
  "summary_fg_p95": 34917.096874999996,
  "summary_fg_stdv": 4827.2236328125,
  "tsnr": 91.04202270507812
}