{
  "aor": 0.004255555555555556,
  "aqi": 0.003983091703703705,
  "bids_meta": {
    "AcquisitionNumber": 8,
    "BidsifyVersion": "0.3.5",
    "ConversionSoftware": "dcm2niix",
    "ConversionSoftwareVersion": "v1.0.20181125  GCC6.3.0",
    "EchoTime": 0.02763,
    "EffectiveEchoSpacing": 0.0006909035636805814,
    "FlipAngle": 76.1,
    "ImageComments": "PIOP2",
    "ImageOrientationPatientDICOM": [
      0.998185,
      0.0538926,
      -0.026864,
      -0.0540598,
      0.998522,
      -0.00553659
    ],
    "Manufacturer": "Philips",
    "NumberOfVolumesDiscardedByScanner": 2,
    "ParallelAcquisitionTechnique": "SENSE",
    "ParallelReductionFactorInPlane": 2,
    "PatientPosition": "HFS",
    "PhaseEncodingDirection": "j",
    "PhilipsRescaleIntercept": 0,
    "PhilipsRescaleSlope": 0.78071,
    "PhilipsScaleSlope": 0.0516926,
    "ProtocolName": "WIPtask-harriri_boldSENSE",
    "PulseSequenceType": "gradient echo EPI",
    "ReconMatrixPE": 80,
    "RepetitionTime": 2,
    "SeriesDescription": "ImageMRSERIES",
    "SeriesNumber": 8,
    "SliceEncodingDirection": "k",
    "SliceTiming": [
      0.0,
      0.0556,
      0.1111,
      0.1667,
      0.2222,
      0.2778,
      0.3333,
      0.3889,
      0.4444,
      0.5,
      0.5556,
      0.6111,
      0.6667,
      0.7222,
      0.7778,
      0.8333,
      0.8889,
      0.9444,
      1.0,
      1.0556,
      1.1111,
      1.1667,
      1.2222,
      1.2778,
      1.3333,
      1.3889,
      1.4444,
      1.5,
      1.5556,
      1.6111,
      1.6667,
      1.7222,
      1.7778,
      1.8333,
      1.8889,
      1.9444
    ],
    "TaskName": "emomatching",
    "TotalReadoutTime": 0.026945238983542674,
    "UsePhilipsFloatNotDisplayScaling": 1,
    "WaterFatShift": 12,
    "acq_id": "seq",
    "dataset": "ds002790",
    "modality": "bold",
    "subject_id": "0021",
    "task_id": "emomatching"
  },
  "dummy_trs": 0,
  "dvars_nstd": 19.355969813358207,
  "dvars_std": 1.2923377317164177,
  "dvars_vstd": 1.0347051007462684,
  "efc": 0.43907034912845627,
  "fber": 175119.484375,
  "fd_mean": 0.11483814124274963,
  "fd_num": 8,
  "fd_perc": 5.925925925925926,
  "fwhm_avg": 2.0291814230428122,
  "fwhm_x": 1.9522466666666667,
  "fwhm_y": 2.2872066666666666,
  "fwhm_z": 1.8480909357951039,
  "gcor": 0.0188805,
  "gsr_x": -0.015270031057298183,
  "gsr_y": 0.022763822227716446,
  "provenance": {
    "md5sum": "5f81a2e99f39e937b4fa129c4f4c56c2",
    "settings": {
      "fd_thres": 0.2,
      "testing": false
    },
    "software": "mriqc",
    "version": "22.0.0rc1",
    "webapi_port": null,
    "webapi_url": "https://mriqc.nimh.nih.gov/api/v1"
  },
  "size_t": 135,
  "size_x": 80,
  "size_y": 80,
  "size_z": 36,
  "snr": 5.451215001492612,
  "spacing_tr": 2.0,
  "spacing_x": 3.0,
  "spacing_y": 3.0,
  "spacing_z": 3.299999952316284,
  "summary_bg_k": 62.73720597266956,
  "summary_bg_mad": 71.78226340036841,
  "summary_bg_mean": 643.376220703125,
  "summary_bg_median": 61.1269645690918,
  "summary_bg_n": 152820.0,
  "summary_bg_p05": 4.349082493782044,
  "summary_bg_p95": 2865.5416381835926,
  "summary_bg_stdv": 1872.0989990234375,
  "summary_fg_k": 2.500806051816334,
  "summary_fg_mad": 4169.807156717174,
  "summary_fg_mean": 26619.798828125,
  "summary_fg_median": 26213.87109375,
  "summary_fg_n": 36722.0,
  "summary_fg_p05": 19784.46220703125,
  "summary_fg_p95": 34420.0833984375,
  "summary_fg_stdv": 4808.7470703125,
  "tsnr": 93.12615966796875
}