{
  "aor": 0.0020134166666666673,
  "aqi": 0.005821158875,
  "bids_meta": {
    "AcquisitionNumber": 4,
    "BidsifyVersion": "0.3.5",
    "ConversionSoftware": "dcm2niix",
    "ConversionSoftwareVersion": "v1.0.20181125  GCC6.3.0",
    "EchoTime": 0.02763,
    "EffectiveEchoSpacing": 0.0006909035636805814,
    "FlipAngle": 76.1,
    "ImageComments": "PIOP2",
    "ImageOrientationPatientDICOM": [
      0.998185,
      0.0538926,
      -0.026864,
      -0.0540598,
      0.998522,
      -0.00553659
    ],
    "Manufacturer": "Philips",
    "NumberOfVolumesDiscardedByScanner": 2,
    "ParallelAcquisitionTechnique": "SENSE",
    "ParallelReductionFactorInPlane": 2,
    "PatientPosition": "HFS",
    "PhaseEncodingDirection": "j",
    "PhilipsRescaleIntercept": 0,
    "PhilipsRescaleSlope": 0.76459,
    "PhilipsScaleSlope": 0.0513304,
    "ProtocolName": "WIPtask-rest_boldSENSE",
    "PulseSequenceType": "gradient echo EPI",
    "ReconMatrixPE": 80,
    "RepetitionTime": 2,
    "SeriesDescription": "ImageMRSERIES",
    "SeriesNumber": 4,
    "SliceEncodingDirection": "k",
    "SliceTiming": [
      0.0,
      0.0556,
      0.1111,
      0.1667,
      0.2222,
      0.2778,
      0.3333,
      0.3889,
      0.4444,
      0.5,
      0.5556,
      0.6111,
      0.6667,
      0.7222,
      0.7778,
      0.8333,
      0.8889,
      0.9444,
      1.0,
      1.0556,
      1.1111,
      1.1667,
      1.2222,
      1.2778,
      1.3333,
      1.3889,
      1.4444,
      1.5,
      1.5556,
      1.6111,
      1.6667,
      1.7222,
      1.7778,
      1.8333,
      1.8889,
      1.9444
    ],
    "TaskName": "restingstate",
    "TotalReadoutTime": 0.026945238983542674,
    "UsePhilipsFloatNotDisplayScaling": 1,
    "WaterFatShift": 12,
    "acq_id": "seq",
    "dataset": "ds002790",
    "modality": "bold",
    "subject_id": "0021",
    "task_id": "restingstate"
  },
  "dummy_trs": 0,
  "dvars_nstd": 18.864071239665282,
  "dvars_std": 1.2197672851464434,
  "dvars_vstd": 0.9853825861506279,
  "efc": 0.4389772542735842,
  "fber": 197421.953125,
  "fd_mean": 0.13069731704680476,
  "fd_num": 23,
  "fd_perc": 9.583333333333334,
  "fwhm_avg": 2.0499476856949825,
  "fwhm_x": 1.9810433333333333,
  "fwhm_y": 2.31533,
  "fwhm_z": 1.8534697237516133,
  "gcor": 0.0208873,
  "gsr_x": -0.015579544939100742,
  "gsr_y": 0.022916428744792938,
  "provenance": {
    "md5sum": "40d0301c6c92a76c480bcfda9cbd59ed",
    "settings": {
      "fd_thres": 0.2,
      "testing": false
    },
    "software": "mriqc",
    "version": "22.0.0rc1",
    "webapi_port": null,
    "webapi_url": "https://mriqc.nimh.nih.gov/api/v1"
  },
  "size_t": 240,
  "size_x": 80,
  "size_y": 80,
  "size_z": 36,
  "snr": 5.36854707963123,
  "spacing_tr": 2.0,
  "spacing_x": 3.0,
  "spacing_y": 3.0,
  "spacing_z": 3.299999952316284,
  "summary_bg_k": 67.0446886728479,
  "summary_bg_mad": 64.01707390657596,
  "summary_bg_mean": 653.058349609375,
  "summary_bg_median": 58.48188781738281,
  "summary_bg_n": 152776.0,
  "summary_bg_p05": 6.490035057067871,
  "summary_bg_p95": 2896.3025512695312,
  "summary_bg_stdv": 1914.80810546875,
  "summary_fg_k": 2.424636660801591,
  "summary_fg_mad": 4319.00848349159,
  "summary_fg_mean": 27009.01953125,
  "summary_fg_median": 26571.9296875,
  "summary_fg_n": 36807.0,
  "summary_fg_p05": 19928.0408203125,
  "summary_fg_p95": 35072.157421874996,
  "summary_fg_stdv": 4949.48974609375,
  "tsnr": 81.06332397460938
}