{
  "aor": 0.0037553749999999996,
  "aqi": 0.0035593581875,
  "bids_meta": {
    "AcquisitionNumber": 3,
    "BidsifyVersion": "0.3.5",
    "ConversionSoftware": "dcm2niix",
    "ConversionSoftwareVersion": "v1.0.20181125  GCC6.3.0",
    "EchoTime": 0.02763,
    "EffectiveEchoSpacing": 0.0006909035636805814,
    "FlipAngle": 76.1,
    "ImageComments": "PIOP2",
    "ImageOrientationPatientDICOM": [
      0.997917,
      0.0378819,
      -0.0522079,
      -0.0446171,
      0.989901,
      -0.134555
    ],
    "Manufacturer": "Philips",
    "NumberOfVolumesDiscardedByScanner": 2,
    "ParallelAcquisitionTechnique": "SENSE",
    "ParallelReductionFactorInPlane": 2,
    "PatientPosition": "HFS",
    "PhaseEncodingDirection": "j",
    "PhilipsRescaleIntercept": 0,
    "PhilipsRescaleSlope": 0.76459,
    "PhilipsScaleSlope": 0.0465914,
    "ProtocolName": "WIPtask-wm_boldSENSE",
    "PulseSequenceType": "gradient echo EPI",
    "ReconMatrixPE": 80,
    "RepetitionTime": 2,
    "SeriesDescription": "ImageMRSERIES",
    "SeriesNumber": 3,
    "SliceEncodingDirection": "k",
    "SliceTiming": [
      0.0,
      0.0556,
      0.1111,
      0.1667,
      0.2222,
      0.2778,
      0.3333,
      0.3889,
      0.4444,
      0.5,
      0.5556,
      0.6111,
      0.6667,
      0.7222,
      0.7778,
      0.8333,
      0.8889,
      0.9444,
      1.0,
      1.0556,
      1.1111,
      1.1667,
      1.2222,
      1.2778,
      1.3333,
      1.3889,
      1.4444,
      1.5,
      1.5556,
      1.6111,
      1.6667,
      1.7222,
      1.7778,
      1.8333,
      1.8889,
      1.9444
    ],
    "TaskName": "workingmemory",
    "TotalReadoutTime": 0.026945238983542674,
    "UsePhilipsFloatNotDisplayScaling": 1,
    "WaterFatShift": 12,
    "acq_id": "seq",
    "dataset": "ds002790",
    "modality": "bold",
    "subject_id": "0091",
    "task_id": "workingmemory"
  },
  "dummy_trs": 0,
  "dvars_nstd": 18.990643207610077,
  "dvars_std": 1.3374748011949684,
  "dvars_vstd": 1.0089935588679249,
  "efc": 0.40377532975472624,
  "fber": 289261.3125,
  "fd_mean": 0.10035650942122369,
  "fd_num": 4,
  "fd_perc": 2.5,
  "fwhm_avg": 2.0659289989229177,
  "fwhm_x": 2.062003333333333,
  "fwhm_y": 2.2622533333333332,
  "fwhm_z": 1.8735303301020871,
  "gcor": 0.0408378,
  "gsr_x": -0.02386179193854332,
  "gsr_y": 0.014706716872751713,
  "provenance": {
    "md5sum": "55c9065a624a244843d83a8753cde8e0",
    "settings": {
      "fd_thres": 0.2,
      "testing": false
    },
    "software": "mriqc",
    "version": "22.0.0rc1",
    "webapi_port": null,
    "webapi_url": "https://mriqc.nimh.nih.gov/api/v1"
  },
  "size_t": 160,
  "size_x": 80,
  "size_y": 80,
  "size_z": 36,
  "snr": 6.003499984933815,
  "spacing_tr": 2.0,
  "spacing_x": 3.0,
  "spacing_y": 3.0,
  "spacing_z": 3.299999952316284,
  "summary_bg_k": 65.90139058205135,
  "summary_bg_mad": 62.22359953567239,
  "summary_bg_mean": 670.8922729492188,
  "summary_bg_median": 56.416542053222656,
  "summary_bg_n": 160193.0,
  "summary_bg_p05": 4.7012939453125,
  "summary_bg_p95": 3312.990820312497,
  "summary_bg_stdv": 2079.4853515625,
  "summary_fg_k": 2.034153775244307,
  "summary_fg_mad": 4643.5709582161635,
  "summary_fg_mean": 31414.828125,
  "summary_fg_median": 31036.37890625,
  "summary_fg_n": 30493.0,
  "summary_fg_p05": 23735.63359375,
  "summary_fg_p95": 40060.497656249994,
  "summary_fg_stdv": 5169.62939453125,
  "tsnr": 96.51981353759766
}