{
  "aor": 0.0026087083333333335,
  "aqi": 0.004455903958333333,
  "bids_meta": {
    "AcquisitionNumber": 4,
    "BidsifyVersion": "0.3.5",
    "ConversionSoftware": "dcm2niix",
    "ConversionSoftwareVersion": "v1.0.20181125  GCC6.3.0",
    "EchoTime": 0.02763,
    "EffectiveEchoSpacing": 0.0006909035636805814,
    "FlipAngle": 76.1,
    "ImageComments": "PIOP2",
    "ImageOrientationPatientDICOM": [
      0.997332,
      -0.0497985,
      0.053377,
      0.0527916,
      0.997022,
      -0.0562151
    ],
    "Manufacturer": "Philips",
    "NumberOfVolumesDiscardedByScanner": 2,
    "ParallelAcquisitionTechnique": "SENSE",
    "ParallelReductionFactorInPlane": 2,
    "PatientPosition": "HFS",
    "PhaseEncodingDirection": "j",
    "PhilipsRescaleIntercept": 0,
    "PhilipsRescaleSlope": 0.84103,
    "PhilipsScaleSlope": 0.0614503,
    "ProtocolName": "WIPtask-rest_boldSENSE",
    "PulseSequenceType": "gradient echo EPI",
    "ReconMatrixPE": 80,
    "RepetitionTime": 2,
    "SeriesDescription": "ImageMRSERIES",
    "SeriesNumber": 4,
    "SliceEncodingDirection": "k",
    "SliceTiming": [
      0.0,
      0.0556,
      0.1111,
      0.1667,
      0.2222,
      0.2778,
      0.3333,
      0.3889,
      0.4444,
      0.5,
      0.5556,
      0.6111,
      0.6667,
      0.7222,
      0.7778,
      0.8333,
      0.8889,
      0.9444,
      1.0,
      1.0556,
      1.1111,
      1.1667,
      1.2222,
      1.2778,
      1.3333,
      1.3889,
      1.4444,
      1.5,
      1.5556,
      1.6111,
      1.6667,
      1.7222,
      1.7778,
      1.8333,
      1.8889,
      1.9444
    ],
    "TaskName": "restingstate",
    "TotalReadoutTime": 0.026945238983542674,
    "UsePhilipsFloatNotDisplayScaling": 1,
    "WaterFatShift": 12,
    "acq_id": "seq",
    "dataset": "ds002790",
    "modality": "bold",
    "subject_id": "0022",
    "task_id": "restingstate"
  },
  "dummy_trs": 0,
  "dvars_nstd": 17.847251397698745,
  "dvars_std": 1.2441316336401678,
  "dvars_vstd": 1.005187143096235,
  "efc": 0.41036932894862743,
  "fber": 263101.71875,
  "fd_mean": 0.14841938748998898,
  "fd_num": 44,
  "fd_perc": 18.333333333333332,
  "fwhm_avg": 1.9269525775049499,
  "fwhm_x": 1.8816166666666667,
  "fwhm_y": 2.0911500000000003,
  "fwhm_z": 1.808091065848183,
  "gcor": 0.0338626,
  "gsr_x": -0.013092802837491035,
  "gsr_y": 0.0012492835521697998,
  "provenance": {
    "md5sum": "64649c3c6fe0ac4c08f8d9962659986a",
    "settings": {
      "fd_thres": 0.2,
      "testing": false
    },
    "software": "mriqc",
    "version": "22.0.0rc1",
    "webapi_port": null,
    "webapi_url": "https://mriqc.nimh.nih.gov/api/v1"
  },
  "size_t": 240,
  "size_x": 80,
  "size_y": 80,
  "size_z": 36,
  "snr": 6.251035645853718,
  "spacing_tr": 2.0,
  "spacing_x": 3.0,
  "spacing_y": 3.0,
  "spacing_z": 3.299999713897705,
  "summary_bg_k": 47.777448260596415,
  "summary_bg_mad": 47.93337513512756,
  "summary_bg_mean": 467.309326171875,
  "summary_bg_median": 47.02261734008789,
  "summary_bg_n": 158295.0,
  "summary_bg_p05": 4.297816276550293,
  "summary_bg_p95": 2188.659594726555,
  "summary_bg_stdv": 1468.8548583984375,
  "summary_fg_k": 1.5377405540287352,
  "summary_fg_mad": 3858.2493041865614,
  "summary_fg_mean": 24799.583984375,
  "summary_fg_median": 24485.341796875,
  "summary_fg_n": 32737.0,
  "summary_fg_p05": 19234.978515625,
  "summary_fg_p95": 31332.169140625,
  "summary_fg_stdv": 3916.94580078125,
  "tsnr": 87.6722183227539
}