{
  "aor": 0.0019140740740740741,
  "aqi": 0.005339277703703704,
  "bids_meta": {
    "AcquisitionNumber": 8,
    "BidsifyVersion": "0.3.5",
    "ConversionSoftware": "dcm2niix",
    "ConversionSoftwareVersion": "v1.0.20181125  GCC6.3.0",
    "EchoTime": 0.02763,
    "EffectiveEchoSpacing": 0.0006909035636805814,
    "FlipAngle": 76.1,
    "ImageComments": "PIOP2",
    "ImageOrientationPatientDICOM": [
      0.998587,
      0.0442774,
      0.0293994,
      -0.0399328,
      0.990075,
      -0.13475
    ],
    "Manufacturer": "Philips",
    "NumberOfVolumesDiscardedByScanner": 2,
    "ParallelAcquisitionTechnique": "SENSE",
    "ParallelReductionFactorInPlane": 2,
    "PatientPosition": "HFS",
    "PhaseEncodingDirection": "j",
    "PhilipsRescaleIntercept": 0,
    "PhilipsRescaleSlope": 0.7939,
    "PhilipsScaleSlope": 0.0628863,
    "ProtocolName": "WIPtask-harriri_boldSENSE",
    "PulseSequenceType": "gradient echo EPI",
    "ReconMatrixPE": 80,
    "RepetitionTime": 2,
    "SeriesDescription": "ImageMRSERIES",
    "SeriesNumber": 8,
    "SliceEncodingDirection": "k",
    "SliceTiming": [
      0.0,
      0.0556,
      0.1111,
      0.1667,
      0.2222,
      0.2778,
      0.3333,
      0.3889,
      0.4444,
      0.5,
      0.5556,
      0.6111,
      0.6667,
      0.7222,
      0.7778,
      0.8333,
      0.8889,
      0.9444,
      1.0,
      1.0556,
      1.1111,
      1.1667,
      1.2222,
      1.2778,
      1.3333,
      1.3889,
      1.4444,
      1.5,
      1.5556,
      1.6111,
      1.6667,
      1.7222,
      1.7778,
      1.8333,
      1.8889,
      1.9444
    ],
    "TaskName": "emomatching",
    "TotalReadoutTime": 0.026945238983542674,
    "UsePhilipsFloatNotDisplayScaling": 1,
    "WaterFatShift": 12,
    "acq_id": "seq",
    "dataset": "ds002790",
    "modality": "bold",
    "subject_id": "0096",
    "task_id": "emomatching"
  },
  "dummy_trs": 0,
  "dvars_nstd": 20.873442863582092,
  "dvars_std": 1.288836416641791,
  "dvars_vstd": 0.9941463503731338,
  "efc": 0.4566966653184932,
  "fber": 136425.75,
  "fd_mean": 0.1492974463912457,
  "fd_num": 27,
  "fd_perc": 20.0,
  "fwhm_avg": 1.9578982916275411,
  "fwhm_x": 1.9105466666666666,
  "fwhm_y": 2.1362633333333334,
  "fwhm_z": 1.8268848748826239,
  "gcor": 0.0167248,
  "gsr_x": -0.007201889995485544,
  "gsr_y": 0.016876019537448883,
  "provenance": {
    "md5sum": "5c700d91c942bf5af284b9b4bfa9b84a",
    "settings": {
      "fd_thres": 0.2,
      "testing": false
    },
    "software": "mriqc",
    "version": "22.0.0rc1",
    "webapi_port": null,
    "webapi_url": "https://mriqc.nimh.nih.gov/api/v1"
  },
  "size_t": 135,
  "size_x": 80,
  "size_y": 80,
  "size_z": 36,
  "snr": 6.8790856156114275,
  "spacing_tr": 2.0,
  "spacing_x": 3.0,
  "spacing_y": 3.0,
  "spacing_z": 3.299999952316284,
  "summary_bg_k": 44.83247071037231,
  "summary_bg_mad": 72.14448911471717,
  "summary_bg_mean": 804.2156982421875,
  "summary_bg_median": 64.23872375488281,
  "summary_bg_n": 152352.0,
  "summary_bg_p05": 8.731644439697266,
  "summary_bg_p95": 4396.322241210928,
  "summary_bg_stdv": 2079.56103515625,
  "summary_fg_k": 1.740582527592176,
  "summary_fg_mad": 3316.2481564393593,
  "summary_fg_mean": 24138.94921875,
  "summary_fg_median": 23936.974609375,
  "summary_fg_n": 37261.0,
  "summary_fg_p05": 18919.3515625,
  "summary_fg_p95": 29699.77734375,
  "summary_fg_stdv": 3479.627197265625,
  "tsnr": 92.16886138916016
}