{
  "bids_meta": {
    "AcquisitionNumber": 2,
    "BidsifyVersion": "0.3.5",
    "ConversionSoftware": "dcm2niix",
    "ConversionSoftwareVersion": "v1.0.20181125  GCC6.3.0",
    "EchoTime": 0.00378,
    "ImageComments": "PIOP2",
    "ImageOrientationPatientDICOM": [
      0.999019,
      -0.0353588,
      -0.0266588,
      0.0380292,
      0.993487,
      0.10741
    ],
    "Manufacturer": "Philips",
    "NumberSignalAcquisitions": 2,
    "PatientPosition": "HFS",
    "PhilipsRescaleIntercept": 0,
    "PhilipsRescaleSlope": 8.88034,
    "PhilipsScaleSlope": 0.00736173,
    "ProtocolName": "WIPT1anat_acq-6m_T1wSENSE",
    "ReconMatrixPE": 240,
    "RepetitionTime": 0.008239,
    "SeriesDescription": "ImageMRSERIES",
    "SeriesNumber": 2,
    "UsePhilipsFloatNotDisplayScaling": 1,
    "dataset": "ds002790",
    "modality": "T1w",
    "subject_id": "0193"
  },
  "cjv": 0.2584693227699588,
  "cnr": 4.873086379395386,
  "efc": 0.7621838442276992,
  "fber": 816.701416015625,
  "fwhm_avg": 5.10363354654075,
  "fwhm_x": 4.57982,
  "fwhm_y": 5.587150333020111,
  "fwhm_z": 5.1439303066021385,
  "icvs_csf": 0.27450774097201575,
  "icvs_gm": 0.3779100362041985,
  "icvs_wm": 0.34758222282378576,
  "inu_med": 1.7085057497024536,
  "inu_range": 0.34035884737968436,
  "provenance": {
    "md5sum": "a8d29eaaaf8a238f0e5c5dc53f2202bf",
    "settings": {
      "testing": false
    },
    "software": "mriqc",
    "version": "22.0.0rc1",
    "warnings": {
      "large_rot_frame": true,
      "small_air_mask": true
    },
    "webapi_port": null,
    "webapi_url": "https://mriqc.nimh.nih.gov/api/v1"
  },
  "qi_1": 0.0,
  "qi_2": 0.0003254084920759385,
  "rpve_csf": 22.460450683254713,
  "rpve_gm": 15.091127817729848,
  "rpve_wm": 21.391543537098478,
  "size_x": 240,
  "size_y": 240,
  "size_z": 220,
  "snr_csf": 3.0839033593033913,
  "snr_gm": 11.002047842589096,
  "snr_total": 12.796259471006666,
  "snr_wm": 24.30282721112751,
  "snrd_csf": 26.058996907549183,
  "snrd_gm": 55.959311798037696,
  "snrd_total": 56.1167061796885,
  "snrd_wm": 86.33180983347863,
  "spacing_x": 1.0,
  "spacing_y": 0.9999999403953552,
  "spacing_z": 0.9999999403953552,
  "summary_bg_k": 3.7000533447606143,
  "summary_bg_mad": 7.5886167326374565,
  "summary_bg_mean": 9.510078430175781,
  "summary_bg_median": 10.348641395568848,
  "summary_bg_n": 100972.0,
  "summary_bg_p05": 0.0,
  "summary_bg_p95": 21.53189525604248,
  "summary_bg_stdv": 6.933899879455566,
  "summary_csf_k": 40.86703379260134,
  "summary_csf_mad": 93.89436628248308,
  "summary_csf_mean": 294.66180419921875,
  "summary_csf_median": 301.84820556640625,
  "summary_csf_n": 27950.0,
  "summary_csf_p05": 133.68686294555664,
  "summary_csf_p95": 431.4458923339844,
  "summary_csf_stdv": 97.87686920166016,
  "summary_gm_k": 0.5628109648269337,
  "summary_gm_mad": 56.4602777893045,
  "summary_gm_mean": 652.3950805664062,
  "summary_gm_median": 648.19140625,
  "summary_gm_n": 30054.0,
  "summary_gm_p05": 563.6861877441406,
  "summary_gm_p95": 754.4855041503906,
  "summary_gm_stdv": 58.91454315185547,
  "summary_wm_k": 2.08181667603243,
  "summary_wm_mad": 34.47249237913263,
  "summary_wm_mean": 997.5394287109375,
  "summary_wm_median": 1000.0040283203125,
  "summary_wm_n": 204240.0,
  "summary_wm_p05": 925.2747436523438,
  "summary_wm_p95": 1059.1709228515624,
  "summary_wm_stdv": 41.14754104614258,
  "tpm_overlap_csf": 0.16121365129947662,
  "tpm_overlap_gm": 0.43458476662635803,
  "tpm_overlap_wm": 0.5155064463615417,
  "wm2max": 0.859273088818211
}