{
  "bids_meta": {
    "AcquisitionNumber": 2,
    "BidsifyVersion": "0.3.5",
    "ConversionSoftware": "dcm2niix",
    "ConversionSoftwareVersion": "v1.0.20181125  GCC6.3.0",
    "EchoTime": 0.00386,
    "ImageComments": "PIOP2",
    "ImageOrientationPatientDICOM": [
      0.998221,
      0.0592314,
      -0.006868,
      -0.0563335,
      0.974545,
      0.217001
    ],
    "Manufacturer": "Philips",
    "NumberSignalAcquisitions": 2,
    "PatientPosition": "HFS",
    "PhilipsRescaleIntercept": 0,
    "PhilipsRescaleSlope": 8.15116,
    "PhilipsScaleSlope": 0.00671678,
    "ProtocolName": "WIPT1anat_acq-6m_T1wSENSE",
    "ReconMatrixPE": 240,
    "RepetitionTime": 0.008362,
    "SeriesDescription": "ImageMRSERIES",
    "SeriesNumber": 2,
    "UsePhilipsFloatNotDisplayScaling": 1,
    "dataset": "ds002790",
    "modality": "T1w",
    "subject_id": "0176"
  },
  "cjv": 0.254495564522417,
  "cnr": 4.899517305737034,
  "efc": 0.7598690792296819,
  "fber": 645.064208984375,
  "fwhm_avg": 4.722186756146357,
  "fwhm_x": 4.50366026843907,
  "fwhm_y": 4.82859,
  "fwhm_z": 4.83431,
  "icvs_csf": 0.2635706136713403,
  "icvs_gm": 0.3761757346139332,
  "icvs_wm": 0.36025365171472645,
  "inu_med": 1.7340829372406006,
  "inu_range": 0.3118700385093687,
  "provenance": {
    "md5sum": "71566277b48707e3f27d114d885c7e38",
    "settings": {
      "testing": false
    },
    "software": "mriqc",
    "version": "22.0.0rc1",
    "warnings": {
      "large_rot_frame": true,
      "small_air_mask": true
    },
    "webapi_port": null,
    "webapi_url": "https://mriqc.nimh.nih.gov/api/v1"
  },
  "qi_1": 0.0,
  "qi_2": 0.0001432247689655482,
  "rpve_csf": 23.924129926857063,
  "rpve_gm": 15.646886229271086,
  "rpve_wm": 21.790725419508778,
  "size_x": 240,
  "size_y": 240,
  "size_z": 220,
  "snr_csf": 2.991459353901084,
  "snr_gm": 10.779752517938055,
  "snr_total": 13.532153026532455,
  "snr_wm": 26.825247207758224,
  "snrd_csf": 29.134354378086556,
  "snrd_gm": 63.54079675030213,
  "snrd_total": 63.42937220541335,
  "snrd_wm": 97.61296548785137,
  "spacing_x": 0.9999999403953552,
  "spacing_y": 1.0,
  "spacing_z": 1.0,
  "summary_bg_k": 2.486677512193909,
  "summary_bg_mad": 6.71154999745714,
  "summary_bg_mean": 8.323213577270508,
  "summary_bg_median": 9.138482093811035,
  "summary_bg_n": 129461.0,
  "summary_bg_p05": 0.0,
  "summary_bg_p95": 18.890562057495117,
  "summary_bg_stdv": 6.288759708404541,
  "summary_csf_k": -0.5469235845218665,
  "summary_csf_mad": 103.67474264687125,
  "summary_csf_mean": 283.1082763671875,
  "summary_csf_median": 298.4671325683594,
  "summary_csf_n": 19520.0,
  "summary_csf_p05": 109.5975284576416,
  "summary_csf_p95": 422.57312774658203,
  "summary_csf_stdv": 99.7705307006836,
  "summary_gm_k": 0.5206868942267238,
  "summary_gm_mad": 56.80798891141191,
  "summary_gm_mean": 654.4955444335938,
  "summary_gm_median": 650.9442138671875,
  "summary_gm_n": 18630.0,
  "summary_gm_p05": 563.3958862304687,
  "summary_gm_p95": 760.2376098632812,
  "summary_gm_stdv": 60.38420104980469,
  "summary_wm_k": 1.073237643465558,
  "summary_wm_mad": 32.024352705093904,
  "summary_wm_mean": 997.3208618164062,
  "summary_wm_median": 999.996826171875,
  "summary_wm_n": 208438.0,
  "summary_wm_p05": 929.7844970703125,
  "summary_wm_p95": 1053.9975952148438,
  "summary_wm_stdv": 37.278106689453125,
  "tpm_overlap_csf": 0.17141856253147125,
  "tpm_overlap_gm": 0.43248358368873596,
  "tpm_overlap_wm": 0.5206575393676758,
  "wm2max": 0.8527239317749894
}