{
  "aor": 0.004602666666666667,
  "aqi": 0.0030094889629629627,
  "bids_meta": {
    "AcquisitionNumber": 8,
    "BidsifyVersion": "0.3.5",
    "ConversionSoftware": "dcm2niix",
    "ConversionSoftwareVersion": "v1.0.20181125  GCC6.3.0",
    "EchoTime": 0.02763,
    "EffectiveEchoSpacing": 0.0006909035636805814,
    "FlipAngle": 76.1,
    "ImageComments": "PIOP2",
    "ImageOrientationPatientDICOM": [
      0.999738,
      0.000230616,
      0.0228846,
      0.00104692,
      0.998442,
      -0.0557976
    ],
    "Manufacturer": "Philips",
    "NumberOfVolumesDiscardedByScanner": 2,
    "ParallelAcquisitionTechnique": "SENSE",
    "ParallelReductionFactorInPlane": 2,
    "PatientPosition": "HFS",
    "PhaseEncodingDirection": "j",
    "PhilipsRescaleIntercept": 0,
    "PhilipsRescaleSlope": 0.83712,
    "PhilipsScaleSlope": 0.0474969,
    "ProtocolName": "WIPtask-harriri_boldSENSE",
    "PulseSequenceType": "gradient echo EPI",
    "ReconMatrixPE": 80,
    "RepetitionTime": 2,
    "SeriesDescription": "ImageMRSERIES",
    "SeriesNumber": 8,
    "SliceEncodingDirection": "k",
    "SliceTiming": [
      0.0,
      0.0556,
      0.1111,
      0.1667,
      0.2222,
      0.2778,
      0.3333,
      0.3889,
      0.4444,
      0.5,
      0.5556,
      0.6111,
      0.6667,
      0.7222,
      0.7778,
      0.8333,
      0.8889,
      0.9444,
      1.0,
      1.0556,
      1.1111,
      1.1667,
      1.2222,
      1.2778,
      1.3333,
      1.3889,
      1.4444,
      1.5,
      1.5556,
      1.6111,
      1.6667,
      1.7222,
      1.7778,
      1.8333,
      1.8889,
      1.9444
    ],
    "TaskName": "emomatching",
    "TotalReadoutTime": 0.026945238983542674,
    "UsePhilipsFloatNotDisplayScaling": 1,
    "WaterFatShift": 12,
    "acq_id": "seq",
    "dataset": "ds002790",
    "modality": "bold",
    "subject_id": "0017",
    "task_id": "emomatching"
  },
  "dummy_trs": 0,
  "dvars_nstd": 21.555705853731347,
  "dvars_std": 1.4527242593283585,
  "dvars_vstd": 1.0477577987313436,
  "efc": 0.4017082120524289,
  "fber": 262435.15625,
  "fd_mean": 0.12552344666408008,
  "fd_num": 10,
  "fd_perc": 7.407407407407407,
  "fwhm_avg": 2.0151012212828934,
  "fwhm_x": 1.9431433333333334,
  "fwhm_y": 2.20003,
  "fwhm_z": 1.902130330515346,
  "gcor": 0.0254988,
  "gsr_x": -0.02096587046980858,
  "gsr_y": 0.009817157872021198,
  "provenance": {
    "md5sum": "c9008ec72d726e4e3f8636e7f14cfa33",
    "settings": {
      "fd_thres": 0.2,
      "testing": false
    },
    "software": "mriqc",
    "version": "22.0.0rc1",
    "webapi_port": null,
    "webapi_url": "https://mriqc.nimh.nih.gov/api/v1"
  },
  "size_t": 135,
  "size_x": 80,
  "size_y": 80,
  "size_z": 36,
  "snr": 5.594040593019964,
  "spacing_tr": 2.0,
  "spacing_x": 3.0,
  "spacing_y": 3.0,
  "spacing_z": 3.299999952316284,
  "summary_bg_k": 84.42907232290203,
  "summary_bg_mad": 59.169007097930745,
  "summary_bg_mean": 598.5901489257812,
  "summary_bg_median": 55.46482467651367,
  "summary_bg_n": 160400.0,
  "summary_bg_p05": 4.189903235435486,
  "summary_bg_p95": 2863.490771484368,
  "summary_bg_stdv": 1967.368896484375,
  "summary_fg_k": 1.9622680157230805,
  "summary_fg_mad": 4526.118168011465,
  "summary_fg_mean": 29780.294921875,
  "summary_fg_median": 29212.8828125,
  "summary_fg_n": 30571.0,
  "summary_fg_p05": 22343.408203125,
  "summary_fg_p95": 38776.52734375,
  "summary_fg_stdv": 5222.05810546875,
  "tsnr": 105.83150482177734
}