{
  "aor": 0.002669037037037037,
  "aqi": 0.0042272311851851855,
  "bids_meta": {
    "AcquisitionNumber": 8,
    "BidsifyVersion": "0.3.5",
    "ConversionSoftware": "dcm2niix",
    "ConversionSoftwareVersion": "v1.0.20181125  GCC6.3.0",
    "EchoTime": 0.02763,
    "EffectiveEchoSpacing": 0.0006909035636805814,
    "FlipAngle": 76.1,
    "ImageComments": "PIOP2",
    "ImageOrientationPatientDICOM": [
      0.999806,
      0.0090346,
      -0.0175303,
      -0.011692,
      0.987376,
      -0.157964
    ],
    "Manufacturer": "Philips",
    "NumberOfVolumesDiscardedByScanner": 2,
    "ParallelAcquisitionTechnique": "SENSE",
    "ParallelReductionFactorInPlane": 2,
    "PatientPosition": "HFS",
    "PhaseEncodingDirection": "j",
    "PhilipsRescaleIntercept": 0,
    "PhilipsRescaleSlope": 0.80147,
    "PhilipsScaleSlope": 0.0500703,
    "ProtocolName": "WIPtask-harriri_boldSENSE",
    "PulseSequenceType": "gradient echo EPI",
    "ReconMatrixPE": 80,
    "RepetitionTime": 2,
    "SeriesDescription": "ImageMRSERIES",
    "SeriesNumber": 8,
    "SliceEncodingDirection": "k",
    "SliceTiming": [
      0.0,
      0.0556,
      0.1111,
      0.1667,
      0.2222,
      0.2778,
      0.3333,
      0.3889,
      0.4444,
      0.5,
      0.5556,
      0.6111,
      0.6667,
      0.7222,
      0.7778,
      0.8333,
      0.8889,
      0.9444,
      1.0,
      1.0556,
      1.1111,
      1.1667,
      1.2222,
      1.2778,
      1.3333,
      1.3889,
      1.4444,
      1.5,
      1.5556,
      1.6111,
      1.6667,
      1.7222,
      1.7778,
      1.8333,
      1.8889,
      1.9444
    ],
    "TaskName": "emomatching",
    "TotalReadoutTime": 0.026945238983542674,
    "UsePhilipsFloatNotDisplayScaling": 1,
    "WaterFatShift": 12,
    "acq_id": "seq",
    "dataset": "ds002790",
    "modality": "bold",
    "subject_id": "0150",
    "task_id": "emomatching"
  },
  "dummy_trs": 0,
  "dvars_nstd": 19.244956514925374,
  "dvars_std": 1.2618059932835815,
  "dvars_vstd": 1.020538530746268,
  "efc": 0.38748463638520847,
  "fber": 330047.78125,
  "fd_mean": 0.16048813409118126,
  "fd_num": 47,
  "fd_perc": 34.81481481481482,
  "fwhm_avg": 1.948023645277076,
  "fwhm_x": 1.8960233333333332,
  "fwhm_y": 2.0974566666666665,
  "fwhm_z": 1.850590935831228,
  "gcor": 0.0303092,
  "gsr_x": -0.020537015050649643,
  "gsr_y": 0.009326067753136158,
  "provenance": {
    "md5sum": "126171f0d648d207c681dc79dd136671",
    "settings": {
      "fd_thres": 0.2,
      "testing": false
    },
    "software": "mriqc",
    "version": "22.0.0rc1",
    "webapi_port": null,
    "webapi_url": "https://mriqc.nimh.nih.gov/api/v1"
  },
  "size_t": 135,
  "size_x": 80,
  "size_y": 80,
  "size_z": 36,
  "snr": 6.627132470198693,
  "spacing_tr": 2.0,
  "spacing_x": 3.0,
  "spacing_y": 3.0,
  "spacing_z": 3.299999952316284,
  "summary_bg_k": 104.09377340592256,
  "summary_bg_mad": 49.9426284918817,
  "summary_bg_mean": 525.952880859375,
  "summary_bg_median": 51.13939666748047,
  "summary_bg_n": 162643.0,
  "summary_bg_p05": 4.565544557571411,
  "summary_bg_p95": 2571.4648437499995,
  "summary_bg_stdv": 1773.4619140625,
  "summary_fg_k": 1.846864056520305,
  "summary_fg_mad": 4261.916715249292,
  "summary_fg_mean": 30292.591796875,
  "summary_fg_median": 29910.69140625,
  "summary_fg_n": 29098.0,
  "summary_fg_p05": 23823.34423828125,
  "summary_fg_p95": 37716.69628906249,
  "summary_fg_stdv": 4513.291015625,
  "tsnr": 105.6795654296875
}