{
  "aor": 0.001461708333333333,
  "aqi": 0.004428397958333333,
  "bids_meta": {
    "AcquisitionNumber": 4,
    "BidsifyVersion": "0.3.5",
    "ConversionSoftware": "dcm2niix",
    "ConversionSoftwareVersion": "v1.0.20181125  GCC6.3.0",
    "EchoTime": 0.02763,
    "EffectiveEchoSpacing": 0.0006909035636805814,
    "FlipAngle": 76.1,
    "ImageComments": "PIOP2",
    "ImageOrientationPatientDICOM": [
      0.999806,
      0.0090346,
      -0.0175303,
      -0.011692,
      0.987376,
      -0.157964
    ],
    "Manufacturer": "Philips",
    "NumberOfVolumesDiscardedByScanner": 2,
    "ParallelAcquisitionTechnique": "SENSE",
    "ParallelReductionFactorInPlane": 2,
    "PatientPosition": "HFS",
    "PhaseEncodingDirection": "j",
    "PhilipsRescaleIntercept": 0,
    "PhilipsRescaleSlope": 0.81099,
    "PhilipsScaleSlope": 0.0485533,
    "ProtocolName": "WIPtask-rest_boldSENSE",
    "PulseSequenceType": "gradient echo EPI",
    "ReconMatrixPE": 80,
    "RepetitionTime": 2,
    "SeriesDescription": "ImageMRSERIES",
    "SeriesNumber": 4,
    "SliceEncodingDirection": "k",
    "SliceTiming": [
      0.0,
      0.0556,
      0.1111,
      0.1667,
      0.2222,
      0.2778,
      0.3333,
      0.3889,
      0.4444,
      0.5,
      0.5556,
      0.6111,
      0.6667,
      0.7222,
      0.7778,
      0.8333,
      0.8889,
      0.9444,
      1.0,
      1.0556,
      1.1111,
      1.1667,
      1.2222,
      1.2778,
      1.3333,
      1.3889,
      1.4444,
      1.5,
      1.5556,
      1.6111,
      1.6667,
      1.7222,
      1.7778,
      1.8333,
      1.8889,
      1.9444
    ],
    "TaskName": "restingstate",
    "TotalReadoutTime": 0.026945238983542674,
    "UsePhilipsFloatNotDisplayScaling": 1,
    "WaterFatShift": 12,
    "acq_id": "seq",
    "dataset": "ds002790",
    "modality": "bold",
    "subject_id": "0150",
    "task_id": "restingstate"
  },
  "dummy_trs": 0,
  "dvars_nstd": 19.283190176234303,
  "dvars_std": 1.2518330532217576,
  "dvars_vstd": 0.9998253562761508,
  "efc": 0.38680405532671425,
  "fber": 333000.5625,
  "fd_mean": 0.15772680049362134,
  "fd_num": 64,
  "fd_perc": 26.666666666666668,
  "fwhm_avg": 1.9779140494834315,
  "fwhm_x": 1.92229,
  "fwhm_y": 2.1264066666666666,
  "fwhm_z": 1.8850454817836282,
  "gcor": 0.0292154,
  "gsr_x": -0.02045808732509613,
  "gsr_y": 0.009638940915465355,
  "provenance": {
    "md5sum": "3c81c687223693ae72b1bfc74ab5b6a1",
    "settings": {
      "fd_thres": 0.2,
      "testing": false
    },
    "software": "mriqc",
    "version": "22.0.0rc1",
    "webapi_port": null,
    "webapi_url": "https://mriqc.nimh.nih.gov/api/v1"
  },
  "size_t": 240,
  "size_x": 80,
  "size_y": 80,
  "size_z": 36,
  "snr": 6.526791632237302,
  "spacing_tr": 2.0,
  "spacing_x": 3.0,
  "spacing_y": 3.0,
  "spacing_z": 3.299999952316284,
  "summary_bg_k": 110.62288853684271,
  "summary_bg_mad": 50.236203458152865,
  "summary_bg_mean": 521.4474487304688,
  "summary_bg_median": 51.45035171508789,
  "summary_bg_n": 162697.0,
  "summary_bg_p05": 4.5119880676269535,
  "summary_bg_p95": 2507.4386230468735,
  "summary_bg_stdv": 1778.6024169921875,
  "summary_fg_k": 1.9757066253420046,
  "summary_fg_mad": 4346.946269046554,
  "summary_fg_mean": 30562.1875,
  "summary_fg_median": 30168.990234375,
  "summary_fg_n": 29118.0,
  "summary_fg_p05": 23951.92744140625,
  "summary_fg_p95": 38111.4046875,
  "summary_fg_stdv": 4622.25146484375,
  "tsnr": 103.32547760009766
}