{
  "aor": 0.0014707499999999998,
  "aqi": 0.0061050005416666666,
  "bids_meta": {
    "AcquisitionNumber": 4,
    "BidsifyVersion": "0.3.5",
    "ConversionSoftware": "dcm2niix",
    "ConversionSoftwareVersion": "v1.0.20181125  GCC6.3.0",
    "EchoTime": 0.02763,
    "EffectiveEchoSpacing": 0.0006909035636805814,
    "FlipAngle": 76.1,
    "ImageComments": "PIOP2",
    "ImageOrientationPatientDICOM": [
      0.998527,
      -0.0022476,
      -0.0542068,
      0.000174276,
      0.999269,
      -0.0382229
    ],
    "Manufacturer": "Philips",
    "NumberOfVolumesDiscardedByScanner": 2,
    "ParallelAcquisitionTechnique": "SENSE",
    "ParallelReductionFactorInPlane": 2,
    "PatientPosition": "HFS",
    "PhaseEncodingDirection": "j",
    "PhilipsRescaleIntercept": 0,
    "PhilipsRescaleSlope": 0.77827,
    "PhilipsScaleSlope": 0.0538479,
    "ProtocolName": "WIPtask-rest_boldSENSE",
    "PulseSequenceType": "gradient echo EPI",
    "ReconMatrixPE": 80,
    "RepetitionTime": 2,
    "SeriesDescription": "ImageMRSERIES",
    "SeriesNumber": 4,
    "SliceEncodingDirection": "k",
    "SliceTiming": [
      0.0,
      0.0556,
      0.1111,
      0.1667,
      0.2222,
      0.2778,
      0.3333,
      0.3889,
      0.4444,
      0.5,
      0.5556,
      0.6111,
      0.6667,
      0.7222,
      0.7778,
      0.8333,
      0.8889,
      0.9444,
      1.0,
      1.0556,
      1.1111,
      1.1667,
      1.2222,
      1.2778,
      1.3333,
      1.3889,
      1.4444,
      1.5,
      1.5556,
      1.6111,
      1.6667,
      1.7222,
      1.7778,
      1.8333,
      1.8889,
      1.9444
    ],
    "TaskName": "restingstate",
    "TotalReadoutTime": 0.026945238983542674,
    "UsePhilipsFloatNotDisplayScaling": 1,
    "WaterFatShift": 12,
    "acq_id": "seq",
    "dataset": "ds002790",
    "modality": "bold",
    "subject_id": "0124",
    "task_id": "restingstate"
  },
  "dummy_trs": 0,
  "dvars_nstd": 19.77785184288704,
  "dvars_std": 1.2539482282008363,
  "dvars_vstd": 0.9817947324686193,
  "efc": 0.4586741071362522,
  "fber": 180074.421875,
  "fd_mean": 0.11460554441509244,
  "fd_num": 17,
  "fd_perc": 7.083333333333333,
  "fwhm_avg": 1.892838291170131,
  "fwhm_x": 1.8548,
  "fwhm_y": 2.0917966666666667,
  "fwhm_z": 1.7319182068437258,
  "gcor": 0.0460613,
  "gsr_x": 0.002686025109142065,
  "gsr_y": 0.008448749780654907,
  "provenance": {
    "md5sum": "c4dd3f4bf6c6e9e146d2a03a091d4590",
    "settings": {
      "fd_thres": 0.2,
      "testing": false
    },
    "software": "mriqc",
    "version": "22.0.0rc1",
    "webapi_port": null,
    "webapi_url": "https://mriqc.nimh.nih.gov/api/v1"
  },
  "size_t": 240,
  "size_x": 80,
  "size_y": 80,
  "size_z": 36,
  "snr": 6.539555813342334,
  "spacing_tr": 2.0,
  "spacing_x": 3.0,
  "spacing_y": 3.0,
  "spacing_z": 3.299999952316284,
  "summary_bg_k": 15.93279570530888,
  "summary_bg_mad": 67.47169037286325,
  "summary_bg_mean": 925.2261352539062,
  "summary_bg_median": 60.812583923339844,
  "summary_bg_n": 152083.0,
  "summary_bg_p05": 7.433705854415894,
  "summary_bg_p95": 5963.192822265621,
  "summary_bg_stdv": 2307.02734375,
  "summary_fg_k": 3.3338828420405173,
  "summary_fg_mad": 3793.7242548995296,
  "summary_fg_mean": 26269.3359375,
  "summary_fg_median": 25925.78515625,
  "summary_fg_n": 37381.0,
  "summary_fg_p05": 20903.43359375,
  "summary_fg_p95": 32260.45703125,
  "summary_fg_stdv": 3964.403564453125,
  "tsnr": 81.91024780273438
}