{
  "aor": 0.0020876233183856506,
  "aqi": 0.005276020807174888,
  "bids_meta": {
    "AcquisitionNumber": 7,
    "BidsifyVersion": "0.3.5",
    "ConversionSoftware": "dcm2niix",
    "ConversionSoftwareVersion": "v1.0.20181125  GCC6.3.0",
    "EchoTime": 0.02763,
    "EffectiveEchoSpacing": 0.0006909035636805814,
    "FlipAngle": 76.1,
    "ImageComments": "PIOP2",
    "ImageOrientationPatientDICOM": [
      0.998527,
      -0.0022476,
      -0.0542068,
      0.000174276,
      0.999269,
      -0.0382229
    ],
    "Manufacturer": "Philips",
    "NumberOfVolumesDiscardedByScanner": 2,
    "ParallelAcquisitionTechnique": "SENSE",
    "ParallelReductionFactorInPlane": 2,
    "PatientPosition": "HFS",
    "PhaseEncodingDirection": "j",
    "PhilipsRescaleIntercept": 0,
    "PhilipsRescaleSlope": 0.75458,
    "PhilipsScaleSlope": 0.0547916,
    "ProtocolName": "WIPtask-stop_boldSENSE",
    "PulseSequenceType": "gradient echo EPI",
    "ReconMatrixPE": 80,
    "RepetitionTime": 2,
    "SeriesDescription": "ImageMRSERIES",
    "SeriesNumber": 7,
    "SliceEncodingDirection": "k",
    "SliceTiming": [
      0.0,
      0.0556,
      0.1111,
      0.1667,
      0.2222,
      0.2778,
      0.3333,
      0.3889,
      0.4444,
      0.5,
      0.5556,
      0.6111,
      0.6667,
      0.7222,
      0.7778,
      0.8333,
      0.8889,
      0.9444,
      1.0,
      1.0556,
      1.1111,
      1.1667,
      1.2222,
      1.2778,
      1.3333,
      1.3889,
      1.4444,
      1.5,
      1.5556,
      1.6111,
      1.6667,
      1.7222,
      1.7778,
      1.8333,
      1.8889,
      1.9444
    ],
    "TaskName": "stopsignal",
    "TotalReadoutTime": 0.026945238983542674,
    "UsePhilipsFloatNotDisplayScaling": 1,
    "WaterFatShift": 12,
    "acq_id": "seq",
    "dataset": "ds002790",
    "modality": "bold",
    "subject_id": "0124",
    "task_id": "stopsignal"
  },
  "dummy_trs": 0,
  "dvars_nstd": 18.59429213806307,
  "dvars_std": 1.2208114589639647,
  "dvars_vstd": 1.014555788738739,
  "efc": 0.45986662751171564,
  "fber": 168384.71875,
  "fd_mean": 0.1400688298520467,
  "fd_num": 43,
  "fd_perc": 19.282511210762333,
  "fwhm_avg": 1.8952931396761137,
  "fwhm_x": 1.8517966666666668,
  "fwhm_y": 2.097776666666667,
  "fwhm_z": 1.7363060856950077,
  "gcor": 0.0645154,
  "gsr_x": 0.00297150039114058,
  "gsr_y": 0.009355266578495502,
  "provenance": {
    "md5sum": "0cd2d1f3a77c8183f802689166927a88",
    "settings": {
      "fd_thres": 0.2,
      "testing": false
    },
    "software": "mriqc",
    "version": "22.0.0rc1",
    "webapi_port": null,
    "webapi_url": "https://mriqc.nimh.nih.gov/api/v1"
  },
  "size_t": 223,
  "size_x": 80,
  "size_y": 80,
  "size_z": 36,
  "snr": 6.548594206163904,
  "spacing_tr": 2.0,
  "spacing_x": 3.0,
  "spacing_y": 3.0,
  "spacing_z": 3.299999952316284,
  "summary_bg_k": 15.765649489993717,
  "summary_bg_mad": 70.44220902690617,
  "summary_bg_mean": 940.70068359375,
  "summary_bg_median": 62.572120666503906,
  "summary_bg_n": 152060.0,
  "summary_bg_p05": 7.29982557296753,
  "summary_bg_p95": 6090.99716796875,
  "summary_bg_stdv": 2339.578369140625,
  "summary_fg_k": 3.384158603735677,
  "summary_fg_mad": 3751.907343498281,
  "summary_fg_mean": 26111.431640625,
  "summary_fg_median": 25776.03515625,
  "summary_fg_n": 37391.0,
  "summary_fg_p05": 20774.6826171875,
  "summary_fg_p95": 32025.0712890625,
  "summary_fg_stdv": 3936.064697265625,
  "tsnr": 85.06853485107422
}