{
  "bids_meta": {
    "AcquisitionNumber": 2,
    "BidsifyVersion": "0.3.5",
    "ConversionSoftware": "dcm2niix",
    "ConversionSoftwareVersion": "v1.0.20181125  GCC6.3.0",
    "EchoTime": 0.00373,
    "ImageComments": "PIOP2",
    "ImageOrientationPatientDICOM": [
      0.999748,
      0.0164087,
      -0.0153368,
      -0.0157053,
      0.998867,
      0.044912
    ],
    "Manufacturer": "Philips",
    "NumberSignalAcquisitions": 2,
    "PatientPosition": "HFS",
    "PhilipsRescaleIntercept": 0,
    "PhilipsRescaleSlope": 10.0933,
    "PhilipsScaleSlope": 0.0074565,
    "ProtocolName": "WIPT1anat_acq-6m_T1wSENSE",
    "ReconMatrixPE": 240,
    "RepetitionTime": 0.008138,
    "SeriesDescription": "ImageMRSERIES",
    "SeriesNumber": 2,
    "UsePhilipsFloatNotDisplayScaling": 1,
    "dataset": "ds002790",
    "modality": "T1w",
    "subject_id": "0036"
  },
  "cjv": 0.2560446759395496,
  "cnr": 4.619606229453643,
  "efc": 0.7660773404984327,
  "fber": 942.4495849609375,
  "fwhm_avg": 4.52357307527825,
  "fwhm_x": 4.186339500949443,
  "fwhm_y": 4.71770028119685,
  "fwhm_z": 4.6666794436884595,
  "icvs_csf": 0.24924456899043765,
  "icvs_gm": 0.40238944569876245,
  "icvs_wm": 0.34836598531079993,
  "inu_med": 0.6115052700042725,
  "inu_range": 0.18916794061660758,
  "provenance": {
    "md5sum": "bf838b1dc7c263481c6b46343c9f5750",
    "settings": {
      "testing": false
    },
    "software": "mriqc",
    "version": "22.0.0rc1",
    "warnings": {
      "large_rot_frame": true,
      "small_air_mask": true
    },
    "webapi_port": null,
    "webapi_url": "https://mriqc.nimh.nih.gov/api/v1"
  },
  "qi_1": 0.0,
  "qi_2": 7.844219511124748e-05,
  "rpve_csf": 26.593665206256482,
  "rpve_gm": 16.137859061789626,
  "rpve_wm": 23.5588070338118,
  "size_x": 240,
  "size_y": 240,
  "size_z": 220,
  "snr_csf": 2.670867741798282,
  "snr_gm": 9.857332901279158,
  "snr_total": 11.74080167500398,
  "snr_wm": 22.694204381934494,
  "snrd_csf": 16.550075755923412,
  "snrd_gm": 34.30094848432474,
  "snrd_total": 34.912494391818775,
  "snrd_wm": 53.886458935208175,
  "spacing_x": 1.0000001192092896,
  "spacing_y": 0.9999999403953552,
  "spacing_z": 1.0000001192092896,
  "summary_bg_k": 7.371643710788504,
  "summary_bg_mad": 12.157706235032716,
  "summary_bg_mean": 11.751872062683105,
  "summary_bg_median": 8.66250991821289,
  "summary_bg_n": 178972.0,
  "summary_bg_p05": 0.0,
  "summary_bg_p95": 25.924005222320556,
  "summary_bg_stdv": 8.87279987335205,
  "summary_csf_k": -0.8917509341350609,
  "summary_csf_mad": 139.6309683802353,
  "summary_csf_mean": 301.4144287109375,
  "summary_csf_median": 307.12835693359375,
  "summary_csf_n": 14323.0,
  "summary_csf_p05": 117.2193473815918,
  "summary_csf_p95": 474.39012451171874,
  "summary_csf_stdv": 114.98796081542969,
  "summary_gm_k": 0.8307214871511319,
  "summary_gm_mad": 57.15144696319035,
  "summary_gm_mean": 641.8156127929688,
  "summary_gm_median": 636.54052734375,
  "summary_gm_n": 20676.0,
  "summary_gm_p05": 546.5538330078125,
  "summary_gm_p95": 760.1541137695312,
  "summary_gm_stdv": 64.57376861572266,
  "summary_wm_k": 1.6752398788703866,
  "summary_wm_mad": 35.91016588660991,
  "summary_wm_mean": 995.2201538085938,
  "summary_wm_median": 999.9990234375,
  "summary_wm_n": 176538.0,
  "summary_wm_p05": 909.9921081542968,
  "summary_wm_p95": 1057.1789611816407,
  "summary_wm_stdv": 44.06394577026367,
  "tpm_overlap_csf": 0.1751236617565155,
  "tpm_overlap_gm": 0.458370566368103,
  "tpm_overlap_wm": 0.5195227265357971,
  "wm2max": 0.6022695404586595
}