{
  "aor": 0.009701351351351353,
  "aqi": 0.008715246711711713,
  "bids_meta": {
    "AcquisitionNumber": 7,
    "BidsifyVersion": "0.3.5",
    "ConversionSoftware": "dcm2niix",
    "ConversionSoftwareVersion": "v1.0.20181125  GCC6.3.0",
    "EchoTime": 0.02763,
    "EffectiveEchoSpacing": 0.0006909035636805814,
    "FlipAngle": 76.1,
    "ImageComments": "PIOP2",
    "ImageOrientationPatientDICOM": [
      0.995379,
      0.0857482,
      -0.0432148,
      -0.0771145,
      0.982014,
      0.172342
    ],
    "Manufacturer": "Philips",
    "NumberOfVolumesDiscardedByScanner": 2,
    "ParallelAcquisitionTechnique": "SENSE",
    "ParallelReductionFactorInPlane": 2,
    "PatientPosition": "HFS",
    "PhaseEncodingDirection": "j",
    "PhilipsRescaleIntercept": 0,
    "PhilipsRescaleSlope": 0.83639,
    "PhilipsScaleSlope": 0.0519908,
    "ProtocolName": "WIPtask-stop_boldSENSE",
    "PulseSequenceType": "gradient echo EPI",
    "ReconMatrixPE": 80,
    "RepetitionTime": 2,
    "SeriesDescription": "ImageMRSERIES",
    "SeriesNumber": 7,
    "SliceEncodingDirection": "k",
    "SliceTiming": [
      0.0,
      0.0556,
      0.1111,
      0.1667,
      0.2222,
      0.2778,
      0.3333,
      0.3889,
      0.4444,
      0.5,
      0.5556,
      0.6111,
      0.6667,
      0.7222,
      0.7778,
      0.8333,
      0.8889,
      0.9444,
      1.0,
      1.0556,
      1.1111,
      1.1667,
      1.2222,
      1.2778,
      1.3333,
      1.3889,
      1.4444,
      1.5,
      1.5556,
      1.6111,
      1.6667,
      1.7222,
      1.7778,
      1.8333,
      1.8889,
      1.9444
    ],
    "TaskName": "stopsignal",
    "TotalReadoutTime": 0.026945238983542674,
    "UsePhilipsFloatNotDisplayScaling": 1,
    "WaterFatShift": 12,
    "acq_id": "seq",
    "dataset": "ds002790",
    "modality": "bold",
    "subject_id": "0065",
    "task_id": "stopsignal"
  },
  "dummy_trs": 0,
  "dvars_nstd": 19.957222079954736,
  "dvars_std": 1.098287476470588,
  "dvars_vstd": 1.011195954343892,
  "efc": 0.43746718158121406,
  "fber": 175848.953125,
  "fd_mean": 0.2208371769230379,
  "fd_num": 45,
  "fd_perc": 20.27027027027027,
  "fwhm_avg": 1.9432059682285807,
  "fwhm_x": 1.85888,
  "fwhm_y": 2.17845,
  "fwhm_z": 1.7922879046857416,
  "gcor": 0.015287,
  "gsr_x": -0.008752787485718727,
  "gsr_y": 0.00864017941057682,
  "provenance": {
    "md5sum": "e2976ed34815f2cdbf7d044b63c101ad",
    "settings": {
      "fd_thres": 0.2,
      "testing": false
    },
    "software": "mriqc",
    "version": "22.0.0rc1",
    "webapi_port": null,
    "webapi_url": "https://mriqc.nimh.nih.gov/api/v1"
  },
  "size_t": 222,
  "size_x": 80,
  "size_y": 80,
  "size_z": 36,
  "snr": 5.472102803828721,
  "spacing_tr": 2.0,
  "spacing_x": 3.0,
  "spacing_y": 3.0,
  "spacing_z": 3.299999952316284,
  "summary_bg_k": 43.79613389582544,
  "summary_bg_mad": 70.80404308550987,
  "summary_bg_mean": 756.7379760742188,
  "summary_bg_median": 63.380516052246094,
  "summary_bg_n": 154835.0,
  "summary_bg_p05": 7.754356145858765,
  "summary_bg_p95": 3654.324877929683,
  "summary_bg_stdv": 2077.241943359375,
  "summary_fg_k": 1.8736388202270078,
  "summary_fg_mad": 4457.0439623078855,
  "summary_fg_mean": 27320.416015625,
  "summary_fg_median": 26760.1171875,
  "summary_fg_n": 35441.0,
  "summary_fg_p05": 20675.021484375,
  "summary_fg_p95": 35773.7421875,
  "summary_fg_stdv": 4890.21142578125,
  "tsnr": 58.33657455444336
}