{
  "aor": 0.002447125,
  "aqi": 0.0029192045,
  "bids_meta": {
    "AcquisitionNumber": 3,
    "BidsifyVersion": "0.3.5",
    "ConversionSoftware": "dcm2niix",
    "ConversionSoftwareVersion": "v1.0.20181125  GCC6.3.0",
    "EchoTime": 0.02763,
    "EffectiveEchoSpacing": 0.0006909035636805814,
    "FlipAngle": 76.1,
    "ImageComments": "PIOP2",
    "ImageOrientationPatientDICOM": [
      0.999934,
      0.011462,
      0.00119548,
      -0.0115189,
      0.99094,
      0.133808
    ],
    "Manufacturer": "Philips",
    "NumberOfVolumesDiscardedByScanner": 2,
    "ParallelAcquisitionTechnique": "SENSE",
    "ParallelReductionFactorInPlane": 2,
    "PatientPosition": "HFS",
    "PhaseEncodingDirection": "j",
    "PhilipsRescaleIntercept": 0,
    "PhilipsRescaleSlope": 0.75849,
    "PhilipsScaleSlope": 0.0532319,
    "ProtocolName": "WIPtask-wm_boldSENSE",
    "PulseSequenceType": "gradient echo EPI",
    "ReconMatrixPE": 80,
    "RepetitionTime": 2,
    "SeriesDescription": "ImageMRSERIES",
    "SeriesNumber": 3,
    "SliceEncodingDirection": "k",
    "SliceTiming": [
      0.0,
      0.0556,
      0.1111,
      0.1667,
      0.2222,
      0.2778,
      0.3333,
      0.3889,
      0.4444,
      0.5,
      0.5556,
      0.6111,
      0.6667,
      0.7222,
      0.7778,
      0.8333,
      0.8889,
      0.9444,
      1.0,
      1.0556,
      1.1111,
      1.1667,
      1.2222,
      1.2778,
      1.3333,
      1.3889,
      1.4444,
      1.5,
      1.5556,
      1.6111,
      1.6667,
      1.7222,
      1.7778,
      1.8333,
      1.8889,
      1.9444
    ],
    "TaskName": "workingmemory",
    "TotalReadoutTime": 0.026945238983542674,
    "UsePhilipsFloatNotDisplayScaling": 1,
    "WaterFatShift": 12,
    "acq_id": "seq",
    "dataset": "ds002790",
    "modality": "bold",
    "subject_id": "0155",
    "task_id": "workingmemory"
  },
  "dummy_trs": 0,
  "dvars_nstd": 17.90252525408805,
  "dvars_std": 1.2713865414465404,
  "dvars_vstd": 1.0151021320125784,
  "efc": 0.44792086874266457,
  "fber": 233731.46875,
  "fd_mean": 0.10115034113956585,
  "fd_num": 3,
  "fd_perc": 1.875,
  "fwhm_avg": 2.078143544522266,
  "fwhm_x": 2.0487166666666665,
  "fwhm_y": 2.28212,
  "fwhm_z": 1.9035939669001314,
  "gcor": 0.0225021,
  "gsr_x": -0.010462528094649315,
  "gsr_y": 0.013076911680400372,
  "provenance": {
    "md5sum": "13e8468d6e830cbc781ec782773b95df",
    "settings": {
      "fd_thres": 0.2,
      "testing": false
    },
    "software": "mriqc",
    "version": "22.0.0rc1",
    "webapi_port": null,
    "webapi_url": "https://mriqc.nimh.nih.gov/api/v1"
  },
  "size_t": 160,
  "size_x": 80,
  "size_y": 80,
  "size_z": 36,
  "snr": 5.902242047222805,
  "spacing_tr": 2.0,
  "spacing_x": 3.0,
  "spacing_y": 3.0,
  "spacing_z": 3.299999952316284,
  "summary_bg_k": 68.03942220092658,
  "summary_bg_mad": 58.483059529339066,
  "summary_bg_mean": 667.5043334960938,
  "summary_bg_median": 53.205379486083984,
  "summary_bg_n": 151287.0,
  "summary_bg_p05": 4.576619338989258,
  "summary_bg_p95": 3485.5387207031104,
  "summary_bg_stdv": 1956.1177978515625,
  "summary_fg_k": 2.3769895210459158,
  "summary_fg_mad": 3961.151164414716,
  "summary_fg_mean": 26857.09765625,
  "summary_fg_median": 26405.662109375,
  "summary_fg_n": 38551.0,
  "summary_fg_p05": 20597.01953125,
  "summary_fg_p95": 34302.91015625,
  "summary_fg_stdv": 4473.77783203125,
  "tsnr": 110.71832275390625
}