{
  "aor": 0.0017691111111111113,
  "aqi": 0.0038389516,
  "bids_meta": {
    "AcquisitionNumber": 7,
    "BidsifyVersion": "0.3.5",
    "ConversionSoftware": "dcm2niix",
    "ConversionSoftwareVersion": "v1.0.20181125  GCC6.3.0",
    "EchoTime": 0.02763,
    "EffectiveEchoSpacing": 0.0006909035636805814,
    "FlipAngle": 76.1,
    "ImageComments": "PIOP2",
    "ImageOrientationPatientDICOM": [
      0.999934,
      0.011462,
      0.00119548,
      -0.0115189,
      0.99094,
      0.133808
    ],
    "Manufacturer": "Philips",
    "NumberOfVolumesDiscardedByScanner": 2,
    "ParallelAcquisitionTechnique": "SENSE",
    "ParallelReductionFactorInPlane": 2,
    "PatientPosition": "HFS",
    "PhaseEncodingDirection": "j",
    "PhilipsRescaleIntercept": 0,
    "PhilipsRescaleSlope": 0.78559,
    "PhilipsScaleSlope": 0.053135,
    "ProtocolName": "WIPtask-stop_boldSENSE",
    "PulseSequenceType": "gradient echo EPI",
    "ReconMatrixPE": 80,
    "RepetitionTime": 2,
    "SeriesDescription": "ImageMRSERIES",
    "SeriesNumber": 7,
    "SliceEncodingDirection": "k",
    "SliceTiming": [
      0.0,
      0.0556,
      0.1111,
      0.1667,
      0.2222,
      0.2778,
      0.3333,
      0.3889,
      0.4444,
      0.5,
      0.5556,
      0.6111,
      0.6667,
      0.7222,
      0.7778,
      0.8333,
      0.8889,
      0.9444,
      1.0,
      1.0556,
      1.1111,
      1.1667,
      1.2222,
      1.2778,
      1.3333,
      1.3889,
      1.4444,
      1.5,
      1.5556,
      1.6111,
      1.6667,
      1.7222,
      1.7778,
      1.8333,
      1.8889,
      1.9444
    ],
    "TaskName": "stopsignal",
    "TotalReadoutTime": 0.026945238983542674,
    "UsePhilipsFloatNotDisplayScaling": 1,
    "WaterFatShift": 12,
    "acq_id": "seq",
    "dataset": "ds002790",
    "modality": "bold",
    "subject_id": "0155",
    "task_id": "stopsignal"
  },
  "dummy_trs": 0,
  "dvars_nstd": 16.2332510522768,
  "dvars_std": 1.1805991763392858,
  "dvars_vstd": 0.998434040580357,
  "efc": 0.44990090568248414,
  "fber": 217214.609375,
  "fd_mean": 0.10153970624380956,
  "fd_num": 13,
  "fd_perc": 5.777777777777778,
  "fwhm_avg": 2.0735108172614924,
  "fwhm_x": 2.03639,
  "fwhm_y": 2.2780666666666667,
  "fwhm_z": 1.906075785117811,
  "gcor": 0.019687,
  "gsr_x": -0.011052688583731651,
  "gsr_y": 0.014645488001406193,
  "provenance": {
    "md5sum": "646db5b029f53eaed469c99af9898813",
    "settings": {
      "fd_thres": 0.2,
      "testing": false
    },
    "software": "mriqc",
    "version": "22.0.0rc1",
    "webapi_port": null,
    "webapi_url": "https://mriqc.nimh.nih.gov/api/v1"
  },
  "size_t": 225,
  "size_x": 80,
  "size_y": 80,
  "size_z": 36,
  "snr": 5.949054683987604,
  "spacing_tr": 2.0,
  "spacing_x": 3.0,
  "spacing_y": 3.0,
  "spacing_z": 3.299999952316284,
  "summary_bg_k": 64.65400913038701,
  "summary_bg_mad": 60.385392281613036,
  "summary_bg_mean": 679.4689331054688,
  "summary_bg_median": 54.43946838378906,
  "summary_bg_n": 151038.0,
  "summary_bg_p05": 4.802253389358521,
  "summary_bg_p95": 3592.775280761718,
  "summary_bg_stdv": 1965.82763671875,
  "summary_fg_k": 2.205267057257843,
  "summary_fg_mad": 3921.5291992666453,
  "summary_fg_mean": 26504.783203125,
  "summary_fg_median": 26061.556640625,
  "summary_fg_n": 38667.0,
  "summary_fg_p05": 20385.7634765625,
  "summary_fg_p95": 33814.140234374994,
  "summary_fg_stdv": 4380.73291015625,
  "tsnr": 100.18318939208984
}