{
  "aor": 0.00199175,
  "aqi": 0.007360689374999999,
  "bids_meta": {
    "AcquisitionNumber": 4,
    "BidsifyVersion": "0.3.5",
    "ConversionSoftware": "dcm2niix",
    "ConversionSoftwareVersion": "v1.0.20181125  GCC6.3.0",
    "EchoTime": 0.02763,
    "EffectiveEchoSpacing": 0.0006909035636805814,
    "FlipAngle": 76.1,
    "ImageComments": "PIOP2",
    "ImageOrientationPatientDICOM": [
      0.99539,
      -0.0771876,
      0.0569249,
      0.0779893,
      0.996882,
      -0.0119955
    ],
    "Manufacturer": "Philips",
    "NumberOfVolumesDiscardedByScanner": 2,
    "ParallelAcquisitionTechnique": "SENSE",
    "ParallelReductionFactorInPlane": 2,
    "PatientPosition": "HFS",
    "PhaseEncodingDirection": "j",
    "PhilipsRescaleIntercept": 0,
    "PhilipsRescaleSlope": 0.89402,
    "PhilipsScaleSlope": 0.0482813,
    "ProtocolName": "WIPtask-rest_boldSENSE",
    "PulseSequenceType": "gradient echo EPI",
    "ReconMatrixPE": 80,
    "RepetitionTime": 2,
    "SeriesDescription": "ImageMRSERIES",
    "SeriesNumber": 4,
    "SliceEncodingDirection": "k",
    "SliceTiming": [
      0.0,
      0.0556,
      0.1111,
      0.1667,
      0.2222,
      0.2778,
      0.3333,
      0.3889,
      0.4444,
      0.5,
      0.5556,
      0.6111,
      0.6667,
      0.7222,
      0.7778,
      0.8333,
      0.8889,
      0.9444,
      1.0,
      1.0556,
      1.1111,
      1.1667,
      1.2222,
      1.2778,
      1.3333,
      1.3889,
      1.4444,
      1.5,
      1.5556,
      1.6111,
      1.6667,
      1.7222,
      1.7778,
      1.8333,
      1.8889,
      1.9444
    ],
    "TaskName": "restingstate",
    "TotalReadoutTime": 0.026945238983542674,
    "UsePhilipsFloatNotDisplayScaling": 1,
    "WaterFatShift": 12,
    "acq_id": "seq",
    "dataset": "ds002790",
    "modality": "bold",
    "subject_id": "0008",
    "task_id": "restingstate"
  },
  "dummy_trs": 0,
  "dvars_nstd": 24.720883237866115,
  "dvars_std": 1.384714183849372,
  "dvars_vstd": 0.9802176874058584,
  "efc": 0.4545931747149339,
  "fber": 202812.109375,
  "fd_mean": 0.1458465704675648,
  "fd_num": 40,
  "fd_perc": 16.666666666666668,
  "fwhm_avg": 1.896712331885057,
  "fwhm_x": 1.8607866666666668,
  "fwhm_y": 2.0328866666666667,
  "fwhm_z": 1.796463662321837,
  "gcor": 0.0152016,
  "gsr_x": -0.004854857921600342,
  "gsr_y": 0.012646913528442383,
  "provenance": {
    "md5sum": "b18996322e3d5df8a30ced79a9831db1",
    "settings": {
      "fd_thres": 0.2,
      "testing": false
    },
    "software": "mriqc",
    "version": "22.0.0rc1",
    "webapi_port": null,
    "webapi_url": "https://mriqc.nimh.nih.gov/api/v1"
  },
  "size_t": 240,
  "size_x": 80,
  "size_y": 80,
  "size_z": 36,
  "snr": 5.928631492828375,
  "spacing_tr": 2.0,
  "spacing_x": 3.0,
  "spacing_y": 3.0,
  "spacing_z": 3.299999952316284,
  "summary_bg_k": 60.286961875644266,
  "summary_bg_mad": 67.62080587471448,
  "summary_bg_mean": 724.1471557617188,
  "summary_bg_median": 58.7619743347168,
  "summary_bg_n": 150094.0,
  "summary_bg_p05": 5.115529394149782,
  "summary_bg_p95": 3875.0150268554753,
  "summary_bg_stdv": 2126.3701171875,
  "summary_fg_k": 1.9327269333534467,
  "summary_fg_mad": 4097.732998087086,
  "summary_fg_mean": 27123.720703125,
  "summary_fg_median": 26648.197265625,
  "summary_fg_n": 39641.0,
  "summary_fg_p05": 20853.240234375,
  "summary_fg_p95": 34750.88671875,
  "summary_fg_stdv": 4494.7744140625,
  "tsnr": 76.76216125488281
}