{
  "aor": 0.0020704583333333334,
  "aqi": 0.003475044416666667,
  "bids_meta": {
    "AcquisitionNumber": 4,
    "BidsifyVersion": "0.3.5",
    "ConversionSoftware": "dcm2niix",
    "ConversionSoftwareVersion": "v1.0.20181125  GCC6.3.0",
    "EchoTime": 0.02763,
    "EffectiveEchoSpacing": 0.0006909035636805814,
    "FlipAngle": 76.1,
    "ImageComments": "PIOP2",
    "ImageOrientationPatientDICOM": [
      0.999111,
      0.0234684,
      0.0350162,
      -0.0134279,
      0.964605,
      -0.263357
    ],
    "Manufacturer": "Philips",
    "NumberOfVolumesDiscardedByScanner": 2,
    "ParallelAcquisitionTechnique": "SENSE",
    "ParallelReductionFactorInPlane": 2,
    "PatientPosition": "HFS",
    "PhaseEncodingDirection": "j",
    "PhilipsRescaleIntercept": 0,
    "PhilipsRescaleSlope": 0.82515,
    "PhilipsScaleSlope": 0.0568677,
    "ProtocolName": "WIPtask-rest_boldSENSE",
    "PulseSequenceType": "gradient echo EPI",
    "ReconMatrixPE": 80,
    "RepetitionTime": 2,
    "SeriesDescription": "ImageMRSERIES",
    "SeriesNumber": 4,
    "SliceEncodingDirection": "k",
    "SliceTiming": [
      0.0,
      0.0556,
      0.1111,
      0.1667,
      0.2222,
      0.2778,
      0.3333,
      0.3889,
      0.4444,
      0.5,
      0.5556,
      0.6111,
      0.6667,
      0.7222,
      0.7778,
      0.8333,
      0.8889,
      0.9444,
      1.0,
      1.0556,
      1.1111,
      1.1667,
      1.2222,
      1.2778,
      1.3333,
      1.3889,
      1.4444,
      1.5,
      1.5556,
      1.6111,
      1.6667,
      1.7222,
      1.7778,
      1.8333,
      1.8889,
      1.9444
    ],
    "TaskName": "restingstate",
    "TotalReadoutTime": 0.026945238983542674,
    "UsePhilipsFloatNotDisplayScaling": 1,
    "WaterFatShift": 12,
    "acq_id": "seq",
    "dataset": "ds002790",
    "modality": "bold",
    "subject_id": "0118",
    "task_id": "restingstate"
  },
  "dummy_trs": 0,
  "dvars_nstd": 25.087686610627607,
  "dvars_std": 1.4682871300000009,
  "dvars_vstd": 1.0162243427615063,
  "efc": 0.44303969130116905,
  "fber": 234069.21875,
  "fd_mean": 0.10123508015957644,
  "fd_num": 7,
  "fd_perc": 2.9166666666666665,
  "fwhm_avg": 1.8378997053013864,
  "fwhm_x": 1.8451066666666665,
  "fwhm_y": 1.9387833333333333,
  "fwhm_z": 1.7298091159041595,
  "gcor": 0.0437972,
  "gsr_x": -0.005262462422251701,
  "gsr_y": 0.0068198516964912415,
  "provenance": {
    "md5sum": "8446df8b7aabd8cff336b8e10657dc96",
    "settings": {
      "fd_thres": 0.2,
      "testing": false
    },
    "software": "mriqc",
    "version": "22.0.0rc1",
    "webapi_port": null,
    "webapi_url": "https://mriqc.nimh.nih.gov/api/v1"
  },
  "size_t": 240,
  "size_x": 80,
  "size_y": 80,
  "size_z": 36,
  "snr": 5.973079125494217,
  "spacing_tr": 2.0,
  "spacing_x": 3.0,
  "spacing_y": 3.0,
  "spacing_z": 3.299999952316284,
  "summary_bg_k": 84.2813554440494,
  "summary_bg_mad": 56.95937446127282,
  "summary_bg_mean": 583.4383544921875,
  "summary_bg_median": 50.391475677490234,
  "summary_bg_n": 151249.0,
  "summary_bg_p05": 4.16471118927002,
  "summary_bg_p95": 3026.0861816406255,
  "summary_bg_stdv": 1737.9595947265625,
  "summary_fg_k": 1.5059310487529975,
  "summary_fg_mad": 3900.9667806072543,
  "summary_fg_mean": 25249.9765625,
  "summary_fg_median": 24695.0859375,
  "summary_fg_n": 37154.0,
  "summary_fg_p05": 19689.02861328125,
  "summary_fg_p95": 32490.57275390625,
  "summary_fg_stdv": 4134.34228515625,
  "tsnr": 98.97796630859375
}