{
  "aor": 0.007643407407407408,
  "aqi": 0.006061528148148148,
  "bids_meta": {
    "AcquisitionNumber": 8,
    "BidsifyVersion": "0.3.5",
    "ConversionSoftware": "dcm2niix",
    "ConversionSoftwareVersion": "v1.0.20181125  GCC6.3.0",
    "EchoTime": 0.02763,
    "EffectiveEchoSpacing": 0.0006909035636805814,
    "FlipAngle": 76.1,
    "ImageComments": "PIOP2",
    "ImageOrientationPatientDICOM": [
      0.999111,
      0.0234684,
      0.0350162,
      -0.0134279,
      0.964605,
      -0.263357
    ],
    "Manufacturer": "Philips",
    "NumberOfVolumesDiscardedByScanner": 2,
    "ParallelAcquisitionTechnique": "SENSE",
    "ParallelReductionFactorInPlane": 2,
    "PatientPosition": "HFS",
    "PhaseEncodingDirection": "j",
    "PhilipsRescaleIntercept": 0,
    "PhilipsRescaleSlope": 0.80415,
    "PhilipsScaleSlope": 0.0581604,
    "ProtocolName": "WIPtask-harriri_boldSENSE",
    "PulseSequenceType": "gradient echo EPI",
    "ReconMatrixPE": 80,
    "RepetitionTime": 2,
    "SeriesDescription": "ImageMRSERIES",
    "SeriesNumber": 8,
    "SliceEncodingDirection": "k",
    "SliceTiming": [
      0.0,
      0.0556,
      0.1111,
      0.1667,
      0.2222,
      0.2778,
      0.3333,
      0.3889,
      0.4444,
      0.5,
      0.5556,
      0.6111,
      0.6667,
      0.7222,
      0.7778,
      0.8333,
      0.8889,
      0.9444,
      1.0,
      1.0556,
      1.1111,
      1.1667,
      1.2222,
      1.2778,
      1.3333,
      1.3889,
      1.4444,
      1.5,
      1.5556,
      1.6111,
      1.6667,
      1.7222,
      1.7778,
      1.8333,
      1.8889,
      1.9444
    ],
    "TaskName": "emomatching",
    "TotalReadoutTime": 0.026945238983542674,
    "UsePhilipsFloatNotDisplayScaling": 1,
    "WaterFatShift": 12,
    "acq_id": "seq",
    "dataset": "ds002790",
    "modality": "bold",
    "subject_id": "0118",
    "task_id": "emomatching"
  },
  "dummy_trs": 0,
  "dvars_nstd": 22.866436296716433,
  "dvars_std": 1.3464992879850743,
  "dvars_vstd": 1.0230685469402983,
  "efc": 0.4435704555511811,
  "fber": 229187.9375,
  "fd_mean": 0.1308503137706693,
  "fd_num": 16,
  "fd_perc": 11.851851851851851,
  "fwhm_avg": 1.8299004123856382,
  "fwhm_x": 1.8289266666666668,
  "fwhm_y": 1.9281533333333334,
  "fwhm_z": 1.7326212371569147,
  "gcor": 0.0575339,
  "gsr_x": -0.004372163210064173,
  "gsr_y": 0.0054459040984511375,
  "provenance": {
    "md5sum": "74cdc616c895e8a3bc99b29f670f83d5",
    "settings": {
      "fd_thres": 0.2,
      "testing": false
    },
    "software": "mriqc",
    "version": "22.0.0rc1",
    "webapi_port": null,
    "webapi_url": "https://mriqc.nimh.nih.gov/api/v1"
  },
  "size_t": 135,
  "size_x": 80,
  "size_y": 80,
  "size_z": 36,
  "snr": 5.944629269971765,
  "spacing_tr": 2.0,
  "spacing_x": 3.0,
  "spacing_y": 3.0,
  "spacing_z": 3.299999952316284,
  "summary_bg_k": 80.27495526976978,
  "summary_bg_mad": 55.72056239094729,
  "summary_bg_mean": 585.4795532226562,
  "summary_bg_median": 50.077964782714844,
  "summary_bg_n": 151252.0,
  "summary_bg_p05": 4.769060659408569,
  "summary_bg_p95": 3031.2771728515513,
  "summary_bg_stdv": 1736.0101318359375,
  "summary_fg_k": 1.8033583265120177,
  "summary_fg_mad": 3802.243426241021,
  "summary_fg_mean": 24839.265625,
  "summary_fg_median": 24292.48828125,
  "summary_fg_n": 37169.0,
  "summary_fg_p05": 19411.02578125,
  "summary_fg_p95": 31975.55703124999,
  "summary_fg_stdv": 4086.40478515625,
  "tsnr": 75.63920593261719
}