{
  "aor": 0.0029722222222222225,
  "aqi": 0.0042875309401709406,
  "bids_meta": {
    "AcquisitionNumber": 7,
    "BidsifyVersion": "0.3.5",
    "ConversionSoftware": "dcm2niix",
    "ConversionSoftwareVersion": "v1.0.20181125  GCC6.3.0",
    "EchoTime": 0.02763,
    "EffectiveEchoSpacing": 0.0006909035636805814,
    "FlipAngle": 76.1,
    "ImageComments": "PIOP2",
    "ImageOrientationPatientDICOM": [
      0.999111,
      0.0234684,
      0.0350162,
      -0.0134279,
      0.964605,
      -0.263357
    ],
    "Manufacturer": "Philips",
    "NumberOfVolumesDiscardedByScanner": 2,
    "ParallelAcquisitionTechnique": "SENSE",
    "ParallelReductionFactorInPlane": 2,
    "PatientPosition": "HFS",
    "PhaseEncodingDirection": "j",
    "PhilipsRescaleIntercept": 0,
    "PhilipsRescaleSlope": 0.84298,
    "PhilipsScaleSlope": 0.0552949,
    "ProtocolName": "WIPtask-stop_boldSENSE",
    "PulseSequenceType": "gradient echo EPI",
    "ReconMatrixPE": 80,
    "RepetitionTime": 2,
    "SeriesDescription": "ImageMRSERIES",
    "SeriesNumber": 7,
    "SliceEncodingDirection": "k",
    "SliceTiming": [
      0.0,
      0.0556,
      0.1111,
      0.1667,
      0.2222,
      0.2778,
      0.3333,
      0.3889,
      0.4444,
      0.5,
      0.5556,
      0.6111,
      0.6667,
      0.7222,
      0.7778,
      0.8333,
      0.8889,
      0.9444,
      1.0,
      1.0556,
      1.1111,
      1.1667,
      1.2222,
      1.2778,
      1.3333,
      1.3889,
      1.4444,
      1.5,
      1.5556,
      1.6111,
      1.6667,
      1.7222,
      1.7778,
      1.8333,
      1.8889,
      1.9444
    ],
    "TaskName": "stopsignal",
    "TotalReadoutTime": 0.026945238983542674,
    "UsePhilipsFloatNotDisplayScaling": 1,
    "WaterFatShift": 12,
    "acq_id": "seq",
    "dataset": "ds002790",
    "modality": "bold",
    "subject_id": "0118",
    "task_id": "stopsignal"
  },
  "dummy_trs": 2,
  "dvars_nstd": 22.732068986652358,
  "dvars_std": 1.3732569488412008,
  "dvars_vstd": 1.0181396639055795,
  "efc": 0.4440047059759871,
  "fber": 220203.65625,
  "fd_mean": 0.11846477908207634,
  "fd_num": 18,
  "fd_perc": 7.6923076923076925,
  "fwhm_avg": 1.82532475574534,
  "fwhm_x": 1.8279966666666667,
  "fwhm_y": 1.9308533333333333,
  "fwhm_z": 1.7171242672360199,
  "gcor": 0.067996,
  "gsr_x": -0.004859632346779108,
  "gsr_y": 0.005670220125466585,
  "provenance": {
    "md5sum": "af6cc42e8347b89a269b773da351872f",
    "settings": {
      "fd_thres": 0.2,
      "testing": false
    },
    "software": "mriqc",
    "version": "22.0.0rc1",
    "webapi_port": null,
    "webapi_url": "https://mriqc.nimh.nih.gov/api/v1"
  },
  "size_t": 234,
  "size_x": 80,
  "size_y": 80,
  "size_z": 36,
  "snr": 5.909119762035513,
  "spacing_tr": 2.0,
  "spacing_x": 3.0,
  "spacing_y": 3.0,
  "spacing_z": 3.299999952316284,
  "summary_bg_k": 77.81378924265483,
  "summary_bg_mad": 58.823870723519164,
  "summary_bg_mean": 600.100830078125,
  "summary_bg_median": 51.696109771728516,
  "summary_bg_n": 151323.0,
  "summary_bg_p05": 4.308392810821533,
  "summary_bg_p95": 3102.490429687499,
  "summary_bg_stdv": 1772.80029296875,
  "summary_fg_k": 1.8243004376539877,
  "summary_fg_mad": 3853.0920492038304,
  "summary_fg_mean": 25017.34765625,
  "summary_fg_median": 24468.34375,
  "summary_fg_n": 37162.0,
  "summary_fg_p05": 19505.28076171875,
  "summary_fg_p95": 32215.79326171875,
  "summary_fg_stdv": 4140.720703125,
  "tsnr": 86.0250015258789
}