{
  "aor": 0.000749875,
  "aqi": 0.010450200791666668,
  "bids_meta": {
    "AcquisitionNumber": 4,
    "BidsifyVersion": "0.3.5",
    "ConversionSoftware": "dcm2niix",
    "ConversionSoftwareVersion": "v1.0.20181125  GCC6.3.0",
    "EchoTime": 0.02763,
    "EffectiveEchoSpacing": 0.0006909035636805814,
    "FlipAngle": 76.1,
    "ImageComments": "PIOP2",
    "ImageOrientationPatientDICOM": [
      0.998759,
      0.0312003,
      -0.0388218,
      -0.037321,
      0.984989,
      -0.168533
    ],
    "Manufacturer": "Philips",
    "NumberOfVolumesDiscardedByScanner": 2,
    "ParallelAcquisitionTechnique": "SENSE",
    "ParallelReductionFactorInPlane": 2,
    "PatientPosition": "HFS",
    "PhaseEncodingDirection": "j",
    "PhilipsRescaleIntercept": 0,
    "PhilipsRescaleSlope": 0.86422,
    "PhilipsScaleSlope": 0.0545792,
    "ProtocolName": "WIPtask-rest_boldSENSE",
    "PulseSequenceType": "gradient echo EPI",
    "ReconMatrixPE": 80,
    "RepetitionTime": 2,
    "SeriesDescription": "ImageMRSERIES",
    "SeriesNumber": 4,
    "SliceEncodingDirection": "k",
    "SliceTiming": [
      0.0,
      0.0556,
      0.1111,
      0.1667,
      0.2222,
      0.2778,
      0.3333,
      0.3889,
      0.4444,
      0.5,
      0.5556,
      0.6111,
      0.6667,
      0.7222,
      0.7778,
      0.8333,
      0.8889,
      0.9444,
      1.0,
      1.0556,
      1.1111,
      1.1667,
      1.2222,
      1.2778,
      1.3333,
      1.3889,
      1.4444,
      1.5,
      1.5556,
      1.6111,
      1.6667,
      1.7222,
      1.7778,
      1.8333,
      1.8889,
      1.9444
    ],
    "TaskName": "restingstate",
    "TotalReadoutTime": 0.026945238983542674,
    "UsePhilipsFloatNotDisplayScaling": 1,
    "WaterFatShift": 12,
    "acq_id": "seq",
    "dataset": "ds002790",
    "modality": "bold",
    "subject_id": "0105",
    "task_id": "restingstate"
  },
  "dummy_trs": 0,
  "dvars_nstd": 17.540579324895397,
  "dvars_std": 1.1249179744351467,
  "dvars_vstd": 0.9204541590376564,
  "efc": 0.43677086502070167,
  "fber": 194463.609375,
  "fd_mean": 0.10562678351549998,
  "fd_num": 8,
  "fd_perc": 3.3333333333333335,
  "fwhm_avg": 2.1583757672723807,
  "fwhm_x": 2.099326666666667,
  "fwhm_y": 2.3626066666666667,
  "fwhm_z": 2.013193968483809,
  "gcor": 0.0227147,
  "gsr_x": -0.018508711829781532,
  "gsr_y": 0.015514353290200233,
  "provenance": {
    "md5sum": "22d911c3b5d5e39ffa157c39e87897a3",
    "settings": {
      "fd_thres": 0.2,
      "testing": false
    },
    "software": "mriqc",
    "version": "22.0.0rc1",
    "webapi_port": null,
    "webapi_url": "https://mriqc.nimh.nih.gov/api/v1"
  },
  "size_t": 240,
  "size_x": 80,
  "size_y": 80,
  "size_z": 36,
  "snr": 6.8075126016586305,
  "spacing_tr": 2.0,
  "spacing_x": 3.0,
  "spacing_y": 3.0,
  "spacing_z": 3.299999952316284,
  "summary_bg_k": 48.817250038891,
  "summary_bg_mad": 71.36248055157273,
  "summary_bg_mean": 836.0335693359375,
  "summary_bg_median": 62.06844711303711,
  "summary_bg_n": 156351.0,
  "summary_bg_p05": 7.414234161376953,
  "summary_bg_p95": 4441.361328125,
  "summary_bg_stdv": 2227.812744140625,
  "summary_fg_k": 1.4564318052623069,
  "summary_fg_mad": 3743.0059387723313,
  "summary_fg_mean": 27959.923828125,
  "summary_fg_median": 27679.57421875,
  "summary_fg_n": 33827.0,
  "summary_fg_p05": 21912.405078125,
  "summary_fg_p95": 34721.786718749994,
  "summary_fg_stdv": 4065.973388671875,
  "tsnr": 71.0612564086914
}