{
  "bids_meta": {
    "AcquisitionNumber": 2,
    "BidsifyVersion": "0.3.5",
    "ConversionSoftware": "dcm2niix",
    "ConversionSoftwareVersion": "v1.0.20181125  GCC6.3.0",
    "EchoTime": 0.00383,
    "ImageComments": "PIOP2",
    "ImageOrientationPatientDICOM": [
      0.995407,
      0.0947471,
      0.0137019,
      -0.0925163,
      0.988848,
      -0.116706
    ],
    "Manufacturer": "Philips",
    "NumberSignalAcquisitions": 2,
    "PatientPosition": "HFS",
    "PhilipsRescaleIntercept": 0,
    "PhilipsRescaleSlope": 9.75604,
    "PhilipsScaleSlope": 0.0072522,
    "ProtocolName": "WIPT1anat_acq-6m_T1wSENSE",
    "ReconMatrixPE": 240,
    "RepetitionTime": 0.008288,
    "SeriesDescription": "ImageMRSERIES",
    "SeriesNumber": 2,
    "UsePhilipsFloatNotDisplayScaling": 1,
    "dataset": "ds002790",
    "modality": "T1w",
    "subject_id": "0188"
  },
  "cjv": 0.276734020983746,
  "cnr": 4.319118193519713,
  "efc": 0.7794749943470101,
  "fber": 1147.2581787109375,
  "fwhm_avg": 4.50862,
  "fwhm_x": 4.23958,
  "fwhm_y": 4.57836,
  "fwhm_z": 4.70792,
  "icvs_csf": 0.28927968013901506,
  "icvs_gm": 0.3744091352235166,
  "icvs_wm": 0.33631118463746834,
  "inu_med": 1.39596426486969,
  "inu_range": 0.3720626175403594,
  "provenance": {
    "md5sum": "6702e3bc07d0af1d7a2cb8fe221149d0",
    "settings": {
      "testing": false
    },
    "software": "mriqc",
    "version": "22.0.0rc1",
    "warnings": {
      "large_rot_frame": true,
      "small_air_mask": true
    },
    "webapi_port": null,
    "webapi_url": "https://mriqc.nimh.nih.gov/api/v1"
  },
  "qi_1": 0.0,
  "qi_2": 0.0002727802139687017,
  "rpve_csf": 21.668860633602918,
  "rpve_gm": 15.3033391889788,
  "rpve_wm": 22.46126020816368,
  "size_x": 240,
  "size_y": 240,
  "size_z": 220,
  "snr_csf": 3.3261455996895553,
  "snr_gm": 9.391825296641509,
  "snr_total": 13.169060249512414,
  "snr_wm": 26.789209852206184,
  "snrd_csf": 21.47707210531667,
  "snrd_gm": 42.74874112249364,
  "snrd_total": 43.11714502605451,
  "snrd_wm": 65.12562185035321,
  "spacing_x": 1.0,
  "spacing_y": 1.0,
  "spacing_z": 1.0,
  "summary_bg_k": 2.8819858449275246,
  "summary_bg_mad": 10.059706090112694,
  "summary_bg_mean": 10.486881256103516,
  "summary_bg_median": 6.9301958084106445,
  "summary_bg_n": 100278.0,
  "summary_bg_p05": 0.0,
  "summary_bg_p95": 20.844489669799806,
  "summary_bg_stdv": 7.112210750579834,
  "summary_csf_k": 73.57412179677972,
  "summary_csf_mad": 97.5940963257496,
  "summary_csf_mean": 322.88916015625,
  "summary_csf_median": 329.7832946777344,
  "summary_csf_n": 23930.0,
  "summary_csf_p05": 149.19606170654296,
  "summary_csf_p95": 456.22255554199216,
  "summary_csf_stdv": 99.14671325683594,
  "summary_gm_k": 0.48974594618824296,
  "summary_gm_mad": 62.98349227449819,
  "summary_gm_mean": 663.8079833984375,
  "summary_gm_median": 656.41259765625,
  "summary_gm_n": 26900.0,
  "summary_gm_p05": 562.1890197753906,
  "summary_gm_p95": 795.7496063232421,
  "summary_gm_stdv": 69.89060974121094,
  "summary_wm_k": 1.3497417888835344,
  "summary_wm_mad": 32.10231057931525,
  "summary_wm_mean": 998.20361328125,
  "summary_wm_median": 1000.0125732421875,
  "summary_wm_n": 192950.0,
  "summary_wm_p05": 932.9990905761719,
  "summary_wm_p95": 1055.5850463867187,
  "summary_wm_stdv": 37.328834533691406,
  "tpm_overlap_csf": 0.1492132842540741,
  "tpm_overlap_gm": 0.4273986518383026,
  "tpm_overlap_wm": 0.49879637360572815,
  "wm2max": 0.8014583121566456
}