{
  "aor": 0.0013145416666666668,
  "aqi": 0.004446783416666667,
  "bids_meta": {
    "AcquisitionNumber": 4,
    "BidsifyVersion": "0.3.5",
    "ConversionSoftware": "dcm2niix",
    "ConversionSoftwareVersion": "v1.0.20181125  GCC6.3.0",
    "EchoTime": 0.02763,
    "EffectiveEchoSpacing": 0.0006909035636805814,
    "FlipAngle": 76.1,
    "ImageComments": "PIOP2",
    "ImageOrientationPatientDICOM": [
      0.999928,
      -0.00168445,
      0.0119151,
      0.00401399,
      0.980134,
      -0.198295
    ],
    "Manufacturer": "Philips",
    "NumberOfVolumesDiscardedByScanner": 2,
    "ParallelAcquisitionTechnique": "SENSE",
    "ParallelReductionFactorInPlane": 2,
    "PatientPosition": "HFS",
    "PhaseEncodingDirection": "j",
    "PhilipsRescaleIntercept": 0,
    "PhilipsRescaleSlope": 0.80415,
    "PhilipsScaleSlope": 0.0576419,
    "ProtocolName": "WIPtask-rest_boldSENSE",
    "PulseSequenceType": "gradient echo EPI",
    "ReconMatrixPE": 80,
    "RepetitionTime": 2,
    "SeriesDescription": "ImageMRSERIES",
    "SeriesNumber": 4,
    "SliceEncodingDirection": "k",
    "SliceTiming": [
      0.0,
      0.0556,
      0.1111,
      0.1667,
      0.2222,
      0.2778,
      0.3333,
      0.3889,
      0.4444,
      0.5,
      0.5556,
      0.6111,
      0.6667,
      0.7222,
      0.7778,
      0.8333,
      0.8889,
      0.9444,
      1.0,
      1.0556,
      1.1111,
      1.1667,
      1.2222,
      1.2778,
      1.3333,
      1.3889,
      1.4444,
      1.5,
      1.5556,
      1.6111,
      1.6667,
      1.7222,
      1.7778,
      1.8333,
      1.8889,
      1.9444
    ],
    "TaskName": "restingstate",
    "TotalReadoutTime": 0.026945238983542674,
    "UsePhilipsFloatNotDisplayScaling": 1,
    "WaterFatShift": 12,
    "acq_id": "seq",
    "dataset": "ds002790",
    "modality": "bold",
    "subject_id": "0170",
    "task_id": "restingstate"
  },
  "dummy_trs": 0,
  "dvars_nstd": 21.625072606903757,
  "dvars_std": 1.343016575146444,
  "dvars_vstd": 0.9633810738493719,
  "efc": 0.4001871409856115,
  "fber": 273642.59375,
  "fd_mean": 0.08098199075714008,
  "fd_num": 0,
  "fd_perc": 0.0,
  "fwhm_avg": 1.9451204127907087,
  "fwhm_x": 1.86277,
  "fwhm_y": 2.1558699999999997,
  "fwhm_z": 1.8167212383721272,
  "gcor": 0.0232196,
  "gsr_x": -0.018429961055517197,
  "gsr_y": 0.003748923772946,
  "provenance": {
    "md5sum": "0567c7c802208f87b435860937aab8a8",
    "settings": {
      "fd_thres": 0.2,
      "testing": false
    },
    "software": "mriqc",
    "version": "22.0.0rc1",
    "webapi_port": null,
    "webapi_url": "https://mriqc.nimh.nih.gov/api/v1"
  },
  "size_t": 240,
  "size_x": 80,
  "size_y": 80,
  "size_z": 36,
  "snr": 5.535746809162222,
  "spacing_tr": 2.0,
  "spacing_x": 3.0,
  "spacing_y": 3.0,
  "spacing_z": 3.299999952316284,
  "summary_bg_k": 108.16096353109137,
  "summary_bg_mad": 48.03879132909243,
  "summary_bg_mean": 402.1083679199219,
  "summary_bg_median": 45.927734375,
  "summary_bg_n": 159079.0,
  "summary_bg_p05": 3.688821530342103,
  "summary_bg_p95": 1783.0884521484381,
  "summary_bg_stdv": 1382.1728515625,
  "summary_fg_k": 2.118204151469479,
  "summary_fg_mad": 4075.4114371469486,
  "summary_fg_mean": 25044.50390625,
  "summary_fg_median": 24624.75390625,
  "summary_fg_n": 32032.0,
  "summary_fg_p05": 18751.7642578125,
  "summary_fg_p95": 32333.794726562497,
  "summary_fg_stdv": 4448.2470703125,
  "tsnr": 87.1898193359375
}