{
  "aor": 0.004339875,
  "aqi": 0.0031864664374999995,
  "bids_meta": {
    "AcquisitionNumber": 3,
    "BidsifyVersion": "0.3.5",
    "ConversionSoftware": "dcm2niix",
    "ConversionSoftwareVersion": "v1.0.20181125  GCC6.3.0",
    "EchoTime": 0.02763,
    "EffectiveEchoSpacing": 0.0006909035636805814,
    "FlipAngle": 76.1,
    "ImageComments": "PIOP2",
    "ImageOrientationPatientDICOM": [
      0.999388,
      0.034186,
      0.00739567,
      -0.0317562,
      0.975475,
      -0.217807
    ],
    "Manufacturer": "Philips",
    "NumberOfVolumesDiscardedByScanner": 2,
    "ParallelAcquisitionTechnique": "SENSE",
    "ParallelReductionFactorInPlane": 2,
    "PatientPosition": "HFS",
    "PhaseEncodingDirection": "j",
    "PhilipsRescaleIntercept": 0,
    "PhilipsRescaleSlope": 0.76239,
    "PhilipsScaleSlope": 0.0606485,
    "ProtocolName": "WIPtask-wm_boldSENSE",
    "PulseSequenceType": "gradient echo EPI",
    "ReconMatrixPE": 80,
    "RepetitionTime": 2,
    "SeriesDescription": "ImageMRSERIES",
    "SeriesNumber": 3,
    "SliceEncodingDirection": "k",
    "SliceTiming": [
      0.0,
      0.0556,
      0.1111,
      0.1667,
      0.2222,
      0.2778,
      0.3333,
      0.3889,
      0.4444,
      0.5,
      0.5556,
      0.6111,
      0.6667,
      0.7222,
      0.7778,
      0.8333,
      0.8889,
      0.9444,
      1.0,
      1.0556,
      1.1111,
      1.1667,
      1.2222,
      1.2778,
      1.3333,
      1.3889,
      1.4444,
      1.5,
      1.5556,
      1.6111,
      1.6667,
      1.7222,
      1.7778,
      1.8333,
      1.8889,
      1.9444
    ],
    "TaskName": "workingmemory",
    "TotalReadoutTime": 0.026945238983542674,
    "UsePhilipsFloatNotDisplayScaling": 1,
    "WaterFatShift": 12,
    "acq_id": "seq",
    "dataset": "ds002790",
    "modality": "bold",
    "subject_id": "0084",
    "task_id": "workingmemory"
  },
  "dummy_trs": 0,
  "dvars_nstd": 17.68472621748428,
  "dvars_std": 1.2294017394339618,
  "dvars_vstd": 1.02021261918239,
  "efc": 0.4142649778933021,
  "fber": 233946.625,
  "fd_mean": 0.10833135637549803,
  "fd_num": 7,
  "fd_perc": 4.375,
  "fwhm_avg": 2.122419908327734,
  "fwhm_x": 2.0995433333333335,
  "fwhm_y": 2.3290133333333336,
  "fwhm_z": 1.938703058316535,
  "gcor": 0.0205605,
  "gsr_x": -0.0159909687936306,
  "gsr_y": 0.011918468400835991,
  "provenance": {
    "md5sum": "0247407f6f4896d828652b1c1aa56383",
    "settings": {
      "fd_thres": 0.2,
      "testing": false
    },
    "software": "mriqc",
    "version": "22.0.0rc1",
    "webapi_port": null,
    "webapi_url": "https://mriqc.nimh.nih.gov/api/v1"
  },
  "size_t": 160,
  "size_x": 80,
  "size_y": 80,
  "size_z": 36,
  "snr": 5.524384456486137,
  "spacing_tr": 2.0,
  "spacing_x": 3.0,
  "spacing_y": 3.0,
  "spacing_z": 3.299999952316284,
  "summary_bg_k": 90.16599244561317,
  "summary_bg_mad": 47.23444778408246,
  "summary_bg_mean": 477.3504943847656,
  "summary_bg_median": 46.77024841308594,
  "summary_bg_n": 157089.0,
  "summary_bg_p05": 5.310656833648682,
  "summary_bg_p95": 2151.477294921875,
  "summary_bg_stdv": 1522.666748046875,
  "summary_fg_k": 1.4020598529940758,
  "summary_fg_mad": 3823.0577714492597,
  "summary_fg_mean": 23657.92578125,
  "summary_fg_median": 23278.94921875,
  "summary_fg_n": 32721.0,
  "summary_fg_p05": 17311.26171875,
  "summary_fg_p95": 30787.5625,
  "summary_fg_stdv": 4213.78955078125,
  "tsnr": 94.78274536132812
}