{
  "aor": 0.003533185185185185,
  "aqi": 0.0034469722222222224,
  "bids_meta": {
    "AcquisitionNumber": 8,
    "BidsifyVersion": "0.3.5",
    "ConversionSoftware": "dcm2niix",
    "ConversionSoftwareVersion": "v1.0.20181125  GCC6.3.0",
    "EchoTime": 0.02763,
    "EffectiveEchoSpacing": 0.0006909035636805814,
    "FlipAngle": 76.1,
    "ImageComments": "PIOP2",
    "ImageOrientationPatientDICOM": [
      0.999388,
      0.034186,
      0.00739567,
      -0.0317562,
      0.975475,
      -0.217807
    ],
    "Manufacturer": "Philips",
    "NumberOfVolumesDiscardedByScanner": 2,
    "ParallelAcquisitionTechnique": "SENSE",
    "ParallelReductionFactorInPlane": 2,
    "PatientPosition": "HFS",
    "PhaseEncodingDirection": "j",
    "PhilipsRescaleIntercept": 0,
    "PhilipsRescaleSlope": 0.84005,
    "PhilipsScaleSlope": 0.0591095,
    "ProtocolName": "WIPtask-harriri_boldSENSE",
    "PulseSequenceType": "gradient echo EPI",
    "ReconMatrixPE": 80,
    "RepetitionTime": 2,
    "SeriesDescription": "ImageMRSERIES",
    "SeriesNumber": 8,
    "SliceEncodingDirection": "k",
    "SliceTiming": [
      0.0,
      0.0556,
      0.1111,
      0.1667,
      0.2222,
      0.2778,
      0.3333,
      0.3889,
      0.4444,
      0.5,
      0.5556,
      0.6111,
      0.6667,
      0.7222,
      0.7778,
      0.8333,
      0.8889,
      0.9444,
      1.0,
      1.0556,
      1.1111,
      1.1667,
      1.2222,
      1.2778,
      1.3333,
      1.3889,
      1.4444,
      1.5,
      1.5556,
      1.6111,
      1.6667,
      1.7222,
      1.7778,
      1.8333,
      1.8889,
      1.9444
    ],
    "TaskName": "emomatching",
    "TotalReadoutTime": 0.026945238983542674,
    "UsePhilipsFloatNotDisplayScaling": 1,
    "WaterFatShift": 12,
    "acq_id": "seq",
    "dataset": "ds002790",
    "modality": "bold",
    "subject_id": "0084",
    "task_id": "emomatching"
  },
  "dummy_trs": 0,
  "dvars_nstd": 18.391136859850743,
  "dvars_std": 1.253709200671641,
  "dvars_vstd": 1.02419495738806,
  "efc": 0.41650469180883576,
  "fber": 226366.90625,
  "fd_mean": 0.10562575482210165,
  "fd_num": 5,
  "fd_perc": 3.7037037037037037,
  "fwhm_avg": 2.110233544676877,
  "fwhm_x": 2.0651366666666666,
  "fwhm_y": 2.32987,
  "fwhm_z": 1.935693967363964,
  "gcor": 0.0154087,
  "gsr_x": -0.016756055876612663,
  "gsr_y": 0.012601019814610481,
  "provenance": {
    "md5sum": "81fce3e85f746b15e9146b9f335e8772",
    "settings": {
      "fd_thres": 0.2,
      "testing": false
    },
    "software": "mriqc",
    "version": "22.0.0rc1",
    "webapi_port": null,
    "webapi_url": "https://mriqc.nimh.nih.gov/api/v1"
  },
  "size_t": 135,
  "size_x": 80,
  "size_y": 80,
  "size_z": 36,
  "snr": 5.6041093852073285,
  "spacing_tr": 2.0,
  "spacing_x": 3.0,
  "spacing_y": 3.0,
  "spacing_z": 3.299999952316284,
  "summary_bg_k": 81.8262052463294,
  "summary_bg_mad": 47.74323121962251,
  "summary_bg_mean": 495.4212951660156,
  "summary_bg_median": 46.95492172241211,
  "summary_bg_n": 157163.0,
  "summary_bg_p05": 5.286013507843018,
  "summary_bg_p95": 2280.083959960937,
  "summary_bg_stdv": 1543.7066650390625,
  "summary_fg_k": 1.364024635274106,
  "summary_fg_mad": 3738.5146965049444,
  "summary_fg_mean": 23391.462890625,
  "summary_fg_median": 23006.45703125,
  "summary_fg_n": 32758.0,
  "summary_fg_p05": 17238.9283203125,
  "summary_fg_p95": 30339.442089843742,
  "summary_fg_stdv": 4105.220703125,
  "tsnr": 91.25043487548828
}