{
  "bids_meta": {
    "AcquisitionNumber": 2,
    "BidsifyVersion": "0.3.5",
    "ConversionSoftware": "dcm2niix",
    "ConversionSoftwareVersion": "v1.0.20181125  GCC6.3.0",
    "EchoTime": 0.00386,
    "ImageComments": "PIOP2",
    "ImageOrientationPatientDICOM": [
      0.99445,
      -0.104359,
      -0.0133487,
      0.100837,
      0.981616,
      -0.162055
    ],
    "Manufacturer": "Philips",
    "PatientPosition": "HFS",
    "PhilipsRescaleIntercept": 0,
    "PhilipsRescaleSlope": 8.70598,
    "PhilipsScaleSlope": 0.00661193,
    "ProtocolName": "WIPT1anat_acq-6m_T1wSENSE",
    "ReconMatrixPE": 240,
    "RepetitionTime": 0.008344,
    "SeriesDescription": "ImageMRSERIES",
    "SeriesNumber": 2,
    "UsePhilipsFloatNotDisplayScaling": 1,
    "dataset": "ds002790",
    "modality": "T1w",
    "subject_id": "0203"
  },
  "cjv": 0.22711118321342266,
  "cnr": 5.658301443421143,
  "efc": 0.7520589016025684,
  "fber": -1.0,
  "fwhm_avg": 5.096419999999999,
  "fwhm_x": 4.76338,
  "fwhm_y": 5.21246,
  "fwhm_z": 5.31342,
  "icvs_csf": 0.2470941512199338,
  "icvs_gm": 0.43897862118203873,
  "icvs_wm": 0.31392722759802744,
  "inu_med": 0.5489207208156586,
  "inu_range": 0.1806394815444946,
  "provenance": {
    "md5sum": "72eb3cc004274d9d980fe2bc483313df",
    "settings": {
      "testing": false
    },
    "software": "mriqc",
    "version": "23.0.1",
    "warnings": {
      "large_rot_frame": true,
      "small_air_mask": true
    },
    "webapi_port": null,
    "webapi_url": "https://mriqc.nimh.nih.gov/api/v1"
  },
  "qi_1": 0.0,
  "qi_2": 0.00015722085505622433,
  "rpve_csf": 21.323924865825767,
  "rpve_gm": 12.367487054976092,
  "rpve_wm": 20.38295589004155,
  "size_x": 240,
  "size_y": 240,
  "size_z": 220,
  "snr_csf": 1.4808938760862638,
  "snr_gm": 9.487455284996361,
  "snr_total": 13.182327642503447,
  "snr_wm": 28.578633766427718,
  "snrd_csf": 10.515057617247471,
  "snrd_gm": 47.34141421476291,
  "snrd_total": 45.92503834841701,
  "snrd_wm": 79.91864321324066,
  "spacing_x": 1.0,
  "spacing_y": 1.0,
  "spacing_z": 1.0,
  "summary_bg_k": 176.56680754078585,
  "summary_bg_mad": 0.0,
  "summary_bg_mean": 1.3324318374694535,
  "summary_bg_median": 0.0,
  "summary_bg_n": 84930.0,
  "summary_bg_p05": 0.0,
  "summary_bg_p95": 5.174417480826378,
  "summary_bg_stdv": 8.197721544782205,
  "summary_csf_k": 0.604323559670715,
  "summary_csf_mad": 86.72812020300147,
  "summary_csf_mean": 147.21746443569006,
  "summary_csf_median": 131.57491229847074,
  "summary_csf_n": 51877.0,
  "summary_csf_p05": 31.156132373958826,
  "summary_csf_p95": 319.89301290363073,
  "summary_csf_stdv": 88.84744968832699,
  "summary_gm_k": 0.3069017015935187,
  "summary_gm_mad": 61.60037023414085,
  "summary_gm_mean": 593.6878869056443,
  "summary_gm_median": 592.3830995634198,
  "summary_gm_n": 57297.0,
  "summary_gm_p05": 493.53857038095595,
  "summary_gm_p95": 695.5951879076658,
  "summary_gm_stdv": 62.43802076938563,
  "summary_wm_k": 0.9206409570569969,
  "summary_wm_mad": 30.97897247131199,
  "summary_wm_mean": 998.205537544912,
  "summary_wm_median": 1000.0219546630979,
  "summary_wm_n": 195170.0,
  "summary_wm_p05": 936.4599365405738,
  "summary_wm_p95": 1052.8404788635671,
  "summary_wm_stdv": 34.99185443599435,
  "tpm_overlap_csf": 0.16973990070887474,
  "tpm_overlap_gm": 0.5044931238501824,
  "tpm_overlap_wm": 0.5439878420420164,
  "wm2max": 0.802329051644496
}