{
  "aor": 0.0045091851851851855,
  "aqi": 0.00452772162962963,
  "bids_meta": {
    "AcquisitionNumber": 8,
    "BidsifyVersion": "0.3.5",
    "ConversionSoftware": "dcm2niix",
    "ConversionSoftwareVersion": "v1.0.20181125  GCC6.3.0",
    "EchoTime": 0.02763,
    "EffectiveEchoSpacing": 0.0006909035636805814,
    "FlipAngle": 76.1,
    "ImageComments": "PIOP2",
    "ImageOrientationPatientDICOM": [
      0.998421,
      0.0511073,
      0.0233194,
      -0.0497043,
      0.997123,
      -0.057226
    ],
    "Manufacturer": "Philips",
    "NumberOfVolumesDiscardedByScanner": 2,
    "ParallelAcquisitionTechnique": "SENSE",
    "ParallelReductionFactorInPlane": 2,
    "PatientPosition": "HFS",
    "PhaseEncodingDirection": "j",
    "PhilipsRescaleIntercept": 0,
    "PhilipsRescaleSlope": 0.74799,
    "PhilipsScaleSlope": 0.0578598,
    "ProtocolName": "WIPtask-harriri_boldSENSE",
    "PulseSequenceType": "gradient echo EPI",
    "ReconMatrixPE": 80,
    "RepetitionTime": 2,
    "SeriesDescription": "ImageMRSERIES",
    "SeriesNumber": 8,
    "SliceEncodingDirection": "k",
    "SliceTiming": [
      0.0,
      0.0556,
      0.1111,
      0.1667,
      0.2222,
      0.2778,
      0.3333,
      0.3889,
      0.4444,
      0.5,
      0.5556,
      0.6111,
      0.6667,
      0.7222,
      0.7778,
      0.8333,
      0.8889,
      0.9444,
      1.0,
      1.0556,
      1.1111,
      1.1667,
      1.2222,
      1.2778,
      1.3333,
      1.3889,
      1.4444,
      1.5,
      1.5556,
      1.6111,
      1.6667,
      1.7222,
      1.7778,
      1.8333,
      1.8889,
      1.9444
    ],
    "TaskName": "emomatching",
    "TotalReadoutTime": 0.026945238983542674,
    "UsePhilipsFloatNotDisplayScaling": 1,
    "WaterFatShift": 12,
    "acq_id": "seq",
    "dataset": "ds002790",
    "modality": "bold",
    "subject_id": "0048",
    "task_id": "emomatching"
  },
  "dummy_trs": 0,
  "dvars_nstd": 20.134180467537306,
  "dvars_std": 1.3862476074626868,
  "dvars_vstd": 1.0458934388059697,
  "efc": 0.41933213908247347,
  "fber": 268047.46875,
  "fd_mean": 0.12646270914254854,
  "fd_num": 14,
  "fd_perc": 10.37037037037037,
  "fwhm_avg": 2.093000459865648,
  "fwhm_x": 2.04099,
  "fwhm_y": 2.30629,
  "fwhm_z": 1.9317213795969452,
  "gcor": 0.0434755,
  "gsr_x": -0.014147168956696987,
  "gsr_y": 0.012036817148327827,
  "provenance": {
    "md5sum": "8e358774293288a986fde10184add936",
    "settings": {
      "fd_thres": 0.2,
      "testing": false
    },
    "software": "mriqc",
    "version": "22.0.0rc1",
    "webapi_port": null,
    "webapi_url": "https://mriqc.nimh.nih.gov/api/v1"
  },
  "size_t": 135,
  "size_x": 80,
  "size_y": 80,
  "size_z": 36,
  "snr": 6.204248132558559,
  "spacing_tr": 2.0,
  "spacing_x": 3.0,
  "spacing_y": 3.0,
  "spacing_z": 3.299999713897705,
  "summary_bg_k": 88.05772853264745,
  "summary_bg_mad": 49.630550972975946,
  "summary_bg_mean": 404.51458740234375,
  "summary_bg_median": 48.21295928955078,
  "summary_bg_n": 154727.0,
  "summary_bg_p05": 4.956084871292115,
  "summary_bg_p95": 1924.0692016601542,
  "summary_bg_stdv": 1243.42333984375,
  "summary_fg_k": 1.3081675419600494,
  "summary_fg_mad": 3919.1170749541157,
  "summary_fg_mean": 26039.001953125,
  "summary_fg_median": 25684.15625,
  "summary_fg_n": 35143.0,
  "summary_fg_p05": 20196.69296875,
  "summary_fg_p95": 33208.930078125,
  "summary_fg_stdv": 4139.71044921875,
  "tsnr": 92.74026489257812
}