{
  "aor": 0.0036465625,
  "aqi": 0.0037554688125,
  "bids_meta": {
    "AcquisitionNumber": 3,
    "BidsifyVersion": "0.3.5",
    "ConversionSoftware": "dcm2niix",
    "ConversionSoftwareVersion": "v1.0.20181125  GCC6.3.0",
    "EchoTime": 0.02763,
    "EffectiveEchoSpacing": 0.0006909035636805814,
    "FlipAngle": 76.1,
    "ImageComments": "PIOP2",
    "ImageOrientationPatientDICOM": [
      0.998421,
      0.0511073,
      0.0233194,
      -0.0497043,
      0.997123,
      -0.057226
    ],
    "Manufacturer": "Philips",
    "NumberOfVolumesDiscardedByScanner": 2,
    "ParallelAcquisitionTechnique": "SENSE",
    "ParallelReductionFactorInPlane": 2,
    "PatientPosition": "HFS",
    "PhaseEncodingDirection": "j",
    "PhilipsRescaleIntercept": 0,
    "PhilipsRescaleSlope": 0.82808,
    "PhilipsScaleSlope": 0.0530768,
    "ProtocolName": "WIPtask-wm_boldSENSE",
    "PulseSequenceType": "gradient echo EPI",
    "ReconMatrixPE": 80,
    "RepetitionTime": 2,
    "SeriesDescription": "ImageMRSERIES",
    "SeriesNumber": 3,
    "SliceEncodingDirection": "k",
    "SliceTiming": [
      0.0,
      0.0556,
      0.1111,
      0.1667,
      0.2222,
      0.2778,
      0.3333,
      0.3889,
      0.4444,
      0.5,
      0.5556,
      0.6111,
      0.6667,
      0.7222,
      0.7778,
      0.8333,
      0.8889,
      0.9444,
      1.0,
      1.0556,
      1.1111,
      1.1667,
      1.2222,
      1.2778,
      1.3333,
      1.3889,
      1.4444,
      1.5,
      1.5556,
      1.6111,
      1.6667,
      1.7222,
      1.7778,
      1.8333,
      1.8889,
      1.9444
    ],
    "TaskName": "workingmemory",
    "TotalReadoutTime": 0.026945238983542674,
    "UsePhilipsFloatNotDisplayScaling": 1,
    "WaterFatShift": 12,
    "acq_id": "seq",
    "dataset": "ds002790",
    "modality": "bold",
    "subject_id": "0048",
    "task_id": "workingmemory"
  },
  "dummy_trs": 0,
  "dvars_nstd": 19.915325213018857,
  "dvars_std": 1.3726978832704395,
  "dvars_vstd": 1.0293018837106913,
  "efc": 0.41891383012175387,
  "fber": 264255.3125,
  "fd_mean": 0.11485068917748988,
  "fd_num": 12,
  "fd_perc": 7.5,
  "fwhm_avg": 2.110903187574316,
  "fwhm_x": 2.0655066666666664,
  "fwhm_y": 2.320396666666667,
  "fwhm_z": 1.9468062293896151,
  "gcor": 0.0598022,
  "gsr_x": -0.013974392786622047,
  "gsr_y": 0.011185824871063232,
  "provenance": {
    "md5sum": "b84e5c5d3dd232f5112177bfaca189ea",
    "settings": {
      "fd_thres": 0.2,
      "testing": false
    },
    "software": "mriqc",
    "version": "22.0.0rc1",
    "webapi_port": null,
    "webapi_url": "https://mriqc.nimh.nih.gov/api/v1"
  },
  "size_t": 160,
  "size_x": 80,
  "size_y": 80,
  "size_z": 36,
  "snr": 6.070464604908899,
  "spacing_tr": 2.0,
  "spacing_x": 3.0,
  "spacing_y": 3.0,
  "spacing_z": 3.299999713897705,
  "summary_bg_k": 93.36868239596615,
  "summary_bg_mad": 51.83722427579127,
  "summary_bg_mean": 400.22119140625,
  "summary_bg_median": 48.43833923339844,
  "summary_bg_n": 154480.0,
  "summary_bg_p05": 3.9901787757873546,
  "summary_bg_p95": 1866.4654907226534,
  "summary_bg_stdv": 1282.1287841796875,
  "summary_fg_k": 1.2452743936115303,
  "summary_fg_mad": 3964.6694489762085,
  "summary_fg_mean": 26080.24609375,
  "summary_fg_median": 25684.29296875,
  "summary_fg_n": 35212.0,
  "summary_fg_p05": 20101.8673828125,
  "summary_fg_p95": 33422.7603515625,
  "summary_fg_stdv": 4230.9658203125,
  "tsnr": 95.21818542480469
}