{
  "aor": 0.002020350877192982,
  "aqi": 0.006471048333333333,
  "bids_meta": {
    "AcquisitionNumber": 7,
    "BidsifyVersion": "0.3.5",
    "ConversionSoftware": "dcm2niix",
    "ConversionSoftwareVersion": "v1.0.20181125  GCC6.3.0",
    "EchoTime": 0.02763,
    "EffectiveEchoSpacing": 0.0006909035636805814,
    "FlipAngle": 76.1,
    "ImageComments": "PIOP2",
    "ImageOrientationPatientDICOM": [
      0.999896,
      0.011665,
      -0.00842925,
      -0.0132639,
      0.974222,
      -0.225199
    ],
    "Manufacturer": "Philips",
    "NumberOfVolumesDiscardedByScanner": 2,
    "ParallelAcquisitionTechnique": "SENSE",
    "ParallelReductionFactorInPlane": 2,
    "PatientPosition": "HFS",
    "PhaseEncodingDirection": "j",
    "PhilipsRescaleIntercept": 0,
    "PhilipsRescaleSlope": 0.7685,
    "PhilipsScaleSlope": 0.0531322,
    "ProtocolName": "WIPtask-stop_boldSENSE",
    "PulseSequenceType": "gradient echo EPI",
    "ReconMatrixPE": 80,
    "RepetitionTime": 2,
    "SeriesDescription": "ImageMRSERIES",
    "SeriesNumber": 7,
    "SliceEncodingDirection": "k",
    "SliceTiming": [
      0.0,
      0.0556,
      0.1111,
      0.1667,
      0.2222,
      0.2778,
      0.3333,
      0.3889,
      0.4444,
      0.5,
      0.5556,
      0.6111,
      0.6667,
      0.7222,
      0.7778,
      0.8333,
      0.8889,
      0.9444,
      1.0,
      1.0556,
      1.1111,
      1.1667,
      1.2222,
      1.2778,
      1.3333,
      1.3889,
      1.4444,
      1.5,
      1.5556,
      1.6111,
      1.6667,
      1.7222,
      1.7778,
      1.8333,
      1.8889,
      1.9444
    ],
    "TaskName": "stopsignal",
    "TotalReadoutTime": 0.026945238983542674,
    "UsePhilipsFloatNotDisplayScaling": 1,
    "WaterFatShift": 12,
    "acq_id": "seq",
    "dataset": "ds002790",
    "modality": "bold",
    "subject_id": "0028",
    "task_id": "stopsignal"
  },
  "dummy_trs": 0,
  "dvars_nstd": 23.90669425299561,
  "dvars_std": 1.3741784472246692,
  "dvars_vstd": 1.002088421497797,
  "efc": 0.4537509546252369,
  "fber": 179934.5625,
  "fd_mean": 0.1368192497189135,
  "fd_num": 34,
  "fd_perc": 14.912280701754385,
  "fwhm_avg": 1.914538897546935,
  "fwhm_x": 1.8950233333333333,
  "fwhm_y": 2.0510266666666666,
  "fwhm_z": 1.7975666926408058,
  "gcor": 0.0244189,
  "gsr_x": -0.007586662657558918,
  "gsr_y": 0.02019323594868183,
  "provenance": {
    "md5sum": "63296de8a0a3c5731a8833941b46134c",
    "settings": {
      "fd_thres": 0.2,
      "testing": false
    },
    "software": "mriqc",
    "version": "22.0.0rc1",
    "webapi_port": null,
    "webapi_url": "https://mriqc.nimh.nih.gov/api/v1"
  },
  "size_t": 228,
  "size_x": 80,
  "size_y": 80,
  "size_z": 36,
  "snr": 5.7166589436007405,
  "spacing_tr": 2.0,
  "spacing_x": 3.0,
  "spacing_y": 3.0,
  "spacing_z": 3.299999952316284,
  "summary_bg_k": 41.290316911418,
  "summary_bg_mad": 69.72497495109901,
  "summary_bg_mean": 866.9442749023438,
  "summary_bg_median": 62.810916900634766,
  "summary_bg_n": 151285.0,
  "summary_bg_p05": 7.232734584808351,
  "summary_bg_p95": 5069.339257812494,
  "summary_bg_stdv": 2355.750732421875,
  "summary_fg_k": 1.6545142816696465,
  "summary_fg_mad": 4196.983371210679,
  "summary_fg_mean": 27368.38671875,
  "summary_fg_median": 27122.84375,
  "summary_fg_n": 37759.0,
  "summary_fg_p05": 20091.4212890625,
  "summary_fg_p95": 35167.2109375,
  "summary_fg_stdv": 4744.46435546875,
  "tsnr": 78.28765869140625
}