{
  "aor": 0.0025428125000000004,
  "aqi": 0.007503885625,
  "bids_meta": {
    "AcquisitionNumber": 3,
    "BidsifyVersion": "0.3.5",
    "ConversionSoftware": "dcm2niix",
    "ConversionSoftwareVersion": "v1.0.20181125  GCC6.3.0",
    "EchoTime": 0.02763,
    "EffectiveEchoSpacing": 0.0006909035636805814,
    "FlipAngle": 76.1,
    "ImageComments": "PIOP2",
    "ImageOrientationPatientDICOM": [
      0.999896,
      0.011665,
      -0.00842925,
      -0.0132639,
      0.974222,
      -0.225199
    ],
    "Manufacturer": "Philips",
    "NumberOfVolumesDiscardedByScanner": 2,
    "ParallelAcquisitionTechnique": "SENSE",
    "ParallelReductionFactorInPlane": 2,
    "PatientPosition": "HFS",
    "PhaseEncodingDirection": "j",
    "PhilipsRescaleIntercept": 0,
    "PhilipsRescaleSlope": 0.76703,
    "PhilipsScaleSlope": 0.0515696,
    "ProtocolName": "WIPtask-wm_boldSENSE",
    "PulseSequenceType": "gradient echo EPI",
    "ReconMatrixPE": 80,
    "RepetitionTime": 2,
    "SeriesDescription": "ImageMRSERIES",
    "SeriesNumber": 3,
    "SliceEncodingDirection": "k",
    "SliceTiming": [
      0.0,
      0.0556,
      0.1111,
      0.1667,
      0.2222,
      0.2778,
      0.3333,
      0.3889,
      0.4444,
      0.5,
      0.5556,
      0.6111,
      0.6667,
      0.7222,
      0.7778,
      0.8333,
      0.8889,
      0.9444,
      1.0,
      1.0556,
      1.1111,
      1.1667,
      1.2222,
      1.2778,
      1.3333,
      1.3889,
      1.4444,
      1.5,
      1.5556,
      1.6111,
      1.6667,
      1.7222,
      1.7778,
      1.8333,
      1.8889,
      1.9444
    ],
    "TaskName": "workingmemory",
    "TotalReadoutTime": 0.026945238983542674,
    "UsePhilipsFloatNotDisplayScaling": 1,
    "WaterFatShift": 12,
    "acq_id": "seq",
    "dataset": "ds002790",
    "modality": "bold",
    "subject_id": "0028",
    "task_id": "workingmemory"
  },
  "dummy_trs": 0,
  "dvars_nstd": 21.60433912597485,
  "dvars_std": 1.2259545614465417,
  "dvars_vstd": 0.9852090358490565,
  "efc": 0.45196052636549533,
  "fber": 189768.140625,
  "fd_mean": 0.16539462849362774,
  "fd_num": 37,
  "fd_perc": 23.125,
  "fwhm_avg": 1.913199907588235,
  "fwhm_x": 1.9028233333333333,
  "fwhm_y": 2.051606666666667,
  "fwhm_z": 1.785169722764705,
  "gcor": 0.0234692,
  "gsr_x": -0.0076295132748782635,
  "gsr_y": 0.01752985268831253,
  "provenance": {
    "md5sum": "ab4137e7b099cadce37c0c42d04e3ba9",
    "settings": {
      "fd_thres": 0.2,
      "testing": false
    },
    "software": "mriqc",
    "version": "22.0.0rc1",
    "webapi_port": null,
    "webapi_url": "https://mriqc.nimh.nih.gov/api/v1"
  },
  "size_t": 160,
  "size_x": 80,
  "size_y": 80,
  "size_z": 36,
  "snr": 5.5955415887382385,
  "spacing_tr": 2.0,
  "spacing_x": 3.0,
  "spacing_y": 3.0,
  "spacing_z": 3.299999952316284,
  "summary_bg_k": 40.224760065436065,
  "summary_bg_mad": 69.21984084219429,
  "summary_bg_mean": 846.6248168945312,
  "summary_bg_median": 62.63496398925781,
  "summary_bg_n": 151220.0,
  "summary_bg_p05": 7.4628592252731325,
  "summary_bg_p95": 4872.155078124988,
  "summary_bg_stdv": 2312.05029296875,
  "summary_fg_k": 1.6186697933506826,
  "summary_fg_mad": 4390.881390453344,
  "summary_fg_mean": 27909.025390625,
  "summary_fg_median": 27657.796875,
  "summary_fg_n": 37848.0,
  "summary_fg_p05": 20303.2896484375,
  "summary_fg_p95": 36148.89140625,
  "summary_fg_stdv": 4942.76220703125,
  "tsnr": 68.36563110351562
}