{
  "aor": 0.002171877729257642,
  "aqi": 0.009422924148471618,
  "bids_meta": {
    "AcquisitionNumber": 7,
    "BidsifyVersion": "0.3.5",
    "ConversionSoftware": "dcm2niix",
    "ConversionSoftwareVersion": "v1.0.20181125  GCC6.3.0",
    "EchoTime": 0.02763,
    "EffectiveEchoSpacing": 0.0006909035636805814,
    "FlipAngle": 76.1,
    "ImageComments": "PIOP2",
    "ImageOrientationPatientDICOM": [
      0.999063,
      0.0411086,
      0.0135556,
      -0.0423972,
      0.992462,
      0.114986
    ],
    "Manufacturer": "Philips",
    "NumberOfVolumesDiscardedByScanner": 2,
    "ParallelAcquisitionTechnique": "SENSE",
    "ParallelReductionFactorInPlane": 2,
    "PatientPosition": "HFS",
    "PhaseEncodingDirection": "j",
    "PhilipsRescaleIntercept": 0,
    "PhilipsRescaleSlope": 0.7685,
    "PhilipsScaleSlope": 0.0538877,
    "ProtocolName": "WIPtask-stop_boldSENSE",
    "PulseSequenceType": "gradient echo EPI",
    "ReconMatrixPE": 80,
    "RepetitionTime": 2,
    "SeriesDescription": "ImageMRSERIES",
    "SeriesNumber": 7,
    "SliceEncodingDirection": "k",
    "SliceTiming": [
      0.0,
      0.0556,
      0.1111,
      0.1667,
      0.2222,
      0.2778,
      0.3333,
      0.3889,
      0.4444,
      0.5,
      0.5556,
      0.6111,
      0.6667,
      0.7222,
      0.7778,
      0.8333,
      0.8889,
      0.9444,
      1.0,
      1.0556,
      1.1111,
      1.1667,
      1.2222,
      1.2778,
      1.3333,
      1.3889,
      1.4444,
      1.5,
      1.5556,
      1.6111,
      1.6667,
      1.7222,
      1.7778,
      1.8333,
      1.8889,
      1.9444
    ],
    "TaskName": "stopsignal",
    "TotalReadoutTime": 0.026945238983542674,
    "UsePhilipsFloatNotDisplayScaling": 1,
    "WaterFatShift": 12,
    "acq_id": "seq",
    "dataset": "ds002790",
    "modality": "bold",
    "subject_id": "0038",
    "task_id": "stopsignal"
  },
  "dummy_trs": 0,
  "dvars_nstd": 23.30901333311402,
  "dvars_std": 1.2814955129824555,
  "dvars_vstd": 0.9534065026754381,
  "efc": 0.4124961756507321,
  "fber": 220082.3125,
  "fd_mean": 0.14665555651786405,
  "fd_num": 39,
  "fd_perc": 17.03056768558952,
  "fwhm_avg": 2.0197909183428635,
  "fwhm_x": 1.8912433333333334,
  "fwhm_y": 2.2472566666666665,
  "fwhm_z": 1.920872755028591,
  "gcor": 0.0107146,
  "gsr_x": -0.023450365290045738,
  "gsr_y": 0.017482874915003777,
  "provenance": {
    "md5sum": "5651a3446c8fbcbfdbf763faa2d41fee",
    "settings": {
      "fd_thres": 0.2,
      "testing": false
    },
    "software": "mriqc",
    "version": "22.0.0rc1",
    "webapi_port": null,
    "webapi_url": "https://mriqc.nimh.nih.gov/api/v1"
  },
  "size_t": 229,
  "size_x": 80,
  "size_y": 80,
  "size_z": 36,
  "snr": 5.205301659755558,
  "spacing_tr": 2.0,
  "spacing_x": 3.0,
  "spacing_y": 3.0,
  "spacing_z": 3.299999952316284,
  "summary_bg_k": 67.67462258231423,
  "summary_bg_mad": 60.050096788015814,
  "summary_bg_mean": 535.8268432617188,
  "summary_bg_median": 54.7675666809082,
  "summary_bg_n": 157989.0,
  "summary_bg_p05": 4.880684089660645,
  "summary_bg_p95": 2303.1100097656267,
  "summary_bg_stdv": 1598.765380859375,
  "summary_fg_k": 1.904766494001386,
  "summary_fg_mad": 4686.262373269734,
  "summary_fg_mean": 27004.361328125,
  "summary_fg_median": 26277.38671875,
  "summary_fg_n": 33166.0,
  "summary_fg_p05": 20371.08544921875,
  "summary_fg_p95": 35973.71875,
  "summary_fg_stdv": 5048.12060546875,
  "tsnr": 71.32740020751953
}