{
  "aor": 0.0029477037037037037,
  "aqi": 0.0035791917037037036,
  "bids_meta": {
    "AcquisitionNumber": 8,
    "BidsifyVersion": "0.3.5",
    "ConversionSoftware": "dcm2niix",
    "ConversionSoftwareVersion": "v1.0.20181125  GCC6.3.0",
    "EchoTime": 0.02763,
    "EffectiveEchoSpacing": 0.0006909035636805814,
    "FlipAngle": 76.1,
    "ImageComments": "PIOP2",
    "ImageOrientationPatientDICOM": [
      0.999063,
      0.0411086,
      0.0135556,
      -0.0423972,
      0.992462,
      0.114986
    ],
    "Manufacturer": "Philips",
    "NumberOfVolumesDiscardedByScanner": 2,
    "ParallelAcquisitionTechnique": "SENSE",
    "ParallelReductionFactorInPlane": 2,
    "PatientPosition": "HFS",
    "PhaseEncodingDirection": "j",
    "PhilipsRescaleIntercept": 0,
    "PhilipsRescaleSlope": 0.77411,
    "PhilipsScaleSlope": 0.0533719,
    "ProtocolName": "WIPtask-harriri_boldSENSE",
    "PulseSequenceType": "gradient echo EPI",
    "ReconMatrixPE": 80,
    "RepetitionTime": 2,
    "SeriesDescription": "ImageMRSERIES",
    "SeriesNumber": 8,
    "SliceEncodingDirection": "k",
    "SliceTiming": [
      0.0,
      0.0556,
      0.1111,
      0.1667,
      0.2222,
      0.2778,
      0.3333,
      0.3889,
      0.4444,
      0.5,
      0.5556,
      0.6111,
      0.6667,
      0.7222,
      0.7778,
      0.8333,
      0.8889,
      0.9444,
      1.0,
      1.0556,
      1.1111,
      1.1667,
      1.2222,
      1.2778,
      1.3333,
      1.3889,
      1.4444,
      1.5,
      1.5556,
      1.6111,
      1.6667,
      1.7222,
      1.7778,
      1.8333,
      1.8889,
      1.9444
    ],
    "TaskName": "emomatching",
    "TotalReadoutTime": 0.026945238983542674,
    "UsePhilipsFloatNotDisplayScaling": 1,
    "WaterFatShift": 12,
    "acq_id": "seq",
    "dataset": "ds002790",
    "modality": "bold",
    "subject_id": "0038",
    "task_id": "emomatching"
  },
  "dummy_trs": 0,
  "dvars_nstd": 22.312331840149245,
  "dvars_std": 1.3954249229850744,
  "dvars_vstd": 1.0142365017164183,
  "efc": 0.4122638916301021,
  "fber": 226745.40625,
  "fd_mean": 0.1119965455679231,
  "fd_num": 8,
  "fd_perc": 5.925925925925926,
  "fwhm_avg": 2.0093729384445687,
  "fwhm_x": 1.8923233333333334,
  "fwhm_y": 2.23575,
  "fwhm_z": 1.9000454820003725,
  "gcor": 0.0262422,
  "gsr_x": -0.023381061851978302,
  "gsr_y": 0.016874300315976143,
  "provenance": {
    "md5sum": "94a5e48648e2c92ee3976854c5a7d15a",
    "settings": {
      "fd_thres": 0.2,
      "testing": false
    },
    "software": "mriqc",
    "version": "22.0.0rc1",
    "webapi_port": null,
    "webapi_url": "https://mriqc.nimh.nih.gov/api/v1"
  },
  "size_t": 135,
  "size_x": 80,
  "size_y": 80,
  "size_z": 36,
  "snr": 5.220554178951344,
  "spacing_tr": 2.0,
  "spacing_x": 3.0,
  "spacing_y": 3.0,
  "spacing_z": 3.299999952316284,
  "summary_bg_k": 70.59751161619981,
  "summary_bg_mad": 58.68111998100499,
  "summary_bg_mean": 526.892333984375,
  "summary_bg_median": 53.4872932434082,
  "summary_bg_n": 157961.0,
  "summary_bg_p05": 4.266406059265137,
  "summary_bg_p95": 2264.80078125,
  "summary_bg_stdv": 1574.6854248046875,
  "summary_fg_k": 1.9347214172012528,
  "summary_fg_mad": 4618.887947844012,
  "summary_fg_mean": 26778.025390625,
  "summary_fg_median": 26035.18359375,
  "summary_fg_n": 33203.0,
  "summary_fg_p05": 20220.069921875,
  "summary_fg_p95": 35628.31718749999,
  "summary_fg_stdv": 4986.978515625,
  "tsnr": 95.63923645019531
}