{
  "aor": 0.001887185185185185,
  "aqi": 0.004427845111111111,
  "bids_meta": {
    "AcquisitionNumber": 8,
    "BidsifyVersion": "0.3.5",
    "ConversionSoftware": "dcm2niix",
    "ConversionSoftwareVersion": "v1.0.20181125  GCC6.3.0",
    "EchoTime": 0.02763,
    "EffectiveEchoSpacing": 0.0006909035636805814,
    "FlipAngle": 76.1,
    "ImageComments": "PIOP2",
    "ImageOrientationPatientDICOM": [
      0.998237,
      0.0566307,
      -0.0177861,
      -0.0573832,
      0.997332,
      -0.045114
    ],
    "Manufacturer": "Philips",
    "NumberOfVolumesDiscardedByScanner": 2,
    "ParallelAcquisitionTechnique": "SENSE",
    "ParallelReductionFactorInPlane": 2,
    "PatientPosition": "HFS",
    "PhaseEncodingDirection": "j",
    "PhilipsRescaleIntercept": 0,
    "PhilipsRescaleSlope": 0.77338,
    "PhilipsScaleSlope": 0.0507608,
    "ProtocolName": "WIPtask-harriri_boldSENSE",
    "PulseSequenceType": "gradient echo EPI",
    "ReconMatrixPE": 80,
    "RepetitionTime": 2,
    "SeriesDescription": "ImageMRSERIES",
    "SeriesNumber": 8,
    "SliceEncodingDirection": "k",
    "SliceTiming": [
      0.0,
      0.0556,
      0.1111,
      0.1667,
      0.2222,
      0.2778,
      0.3333,
      0.3889,
      0.4444,
      0.5,
      0.5556,
      0.6111,
      0.6667,
      0.7222,
      0.7778,
      0.8333,
      0.8889,
      0.9444,
      1.0,
      1.0556,
      1.1111,
      1.1667,
      1.2222,
      1.2778,
      1.3333,
      1.3889,
      1.4444,
      1.5,
      1.5556,
      1.6111,
      1.6667,
      1.7222,
      1.7778,
      1.8333,
      1.8889,
      1.9444
    ],
    "TaskName": "emomatching",
    "TotalReadoutTime": 0.026945238983542674,
    "UsePhilipsFloatNotDisplayScaling": 1,
    "WaterFatShift": 12,
    "acq_id": "seq",
    "dataset": "ds002790",
    "modality": "bold",
    "subject_id": "0012",
    "task_id": "emomatching"
  },
  "dummy_trs": 0,
  "dvars_nstd": 25.443701360000013,
  "dvars_std": 1.3240731002238806,
  "dvars_vstd": 1.0140141404477614,
  "efc": 0.41785168373552506,
  "fber": 199234.125,
  "fd_mean": 0.21837347166355364,
  "fd_num": 78,
  "fd_perc": 57.77777777777778,
  "fwhm_avg": 1.958138796593202,
  "fwhm_x": 1.8719599999999998,
  "fwhm_y": 2.1931866666666666,
  "fwhm_z": 1.8092697231129402,
  "gcor": 0.0476287,
  "gsr_x": -0.02477532997727394,
  "gsr_y": 0.01904984563589096,
  "provenance": {
    "md5sum": "9607aa6ebbd16a81956a34f62ee2d40d",
    "settings": {
      "fd_thres": 0.2,
      "testing": false
    },
    "software": "mriqc",
    "version": "22.0.0rc1",
    "webapi_port": null,
    "webapi_url": "https://mriqc.nimh.nih.gov/api/v1"
  },
  "size_t": 135,
  "size_x": 80,
  "size_y": 80,
  "size_z": 36,
  "snr": 5.58055730377789,
  "spacing_tr": 2.0,
  "spacing_x": 3.0,
  "spacing_y": 3.0,
  "spacing_z": 3.299999952316284,
  "summary_bg_k": 74.34767116838307,
  "summary_bg_mad": 59.61067459518113,
  "summary_bg_mean": 594.1234130859375,
  "summary_bg_median": 56.988426208496094,
  "summary_bg_n": 157842.0,
  "summary_bg_p05": 7.1789168357849125,
  "summary_bg_p95": 2847.5070922851555,
  "summary_bg_stdv": 1656.9649658203125,
  "summary_fg_k": 2.705059352712647,
  "summary_fg_mad": 4313.932308317683,
  "summary_fg_mean": 26606.4453125,
  "summary_fg_median": 26140.19921875,
  "summary_fg_n": 32889.0,
  "summary_fg_p05": 20086.221484375,
  "summary_fg_p95": 34273.014843749996,
  "summary_fg_stdv": 4684.08447265625,
  "tsnr": 85.99650573730469
}