{
  "aor": 0.0011993333333333333,
  "aqi": 0.006479728375000001,
  "bids_meta": {
    "AcquisitionNumber": 4,
    "BidsifyVersion": "0.3.5",
    "ConversionSoftware": "dcm2niix",
    "ConversionSoftwareVersion": "v1.0.20181125  GCC6.3.0",
    "EchoTime": 0.02763,
    "EffectiveEchoSpacing": 0.0006909035636805814,
    "FlipAngle": 76.1,
    "ImageComments": "PIOP2",
    "ImageOrientationPatientDICOM": [
      0.998237,
      0.0566307,
      -0.0177861,
      -0.0573832,
      0.997332,
      -0.045114
    ],
    "Manufacturer": "Philips",
    "NumberOfVolumesDiscardedByScanner": 2,
    "ParallelAcquisitionTechnique": "SENSE",
    "ParallelReductionFactorInPlane": 2,
    "PatientPosition": "HFS",
    "PhaseEncodingDirection": "j",
    "PhilipsRescaleIntercept": 0,
    "PhilipsRescaleSlope": 0.779,
    "PhilipsScaleSlope": 0.0509011,
    "ProtocolName": "WIPtask-rest_boldSENSE",
    "PulseSequenceType": "gradient echo EPI",
    "ReconMatrixPE": 80,
    "RepetitionTime": 2,
    "SeriesDescription": "ImageMRSERIES",
    "SeriesNumber": 4,
    "SliceEncodingDirection": "k",
    "SliceTiming": [
      0.0,
      0.0556,
      0.1111,
      0.1667,
      0.2222,
      0.2778,
      0.3333,
      0.3889,
      0.4444,
      0.5,
      0.5556,
      0.6111,
      0.6667,
      0.7222,
      0.7778,
      0.8333,
      0.8889,
      0.9444,
      1.0,
      1.0556,
      1.1111,
      1.1667,
      1.2222,
      1.2778,
      1.3333,
      1.3889,
      1.4444,
      1.5,
      1.5556,
      1.6111,
      1.6667,
      1.7222,
      1.7778,
      1.8333,
      1.8889,
      1.9444
    ],
    "TaskName": "restingstate",
    "TotalReadoutTime": 0.026945238983542674,
    "UsePhilipsFloatNotDisplayScaling": 1,
    "WaterFatShift": 12,
    "acq_id": "seq",
    "dataset": "ds002790",
    "modality": "bold",
    "subject_id": "0012",
    "task_id": "restingstate"
  },
  "dummy_trs": 0,
  "dvars_nstd": 24.907056433640154,
  "dvars_std": 1.2588477481589955,
  "dvars_vstd": 0.9650654825941427,
  "efc": 0.4176520652989276,
  "fber": 197504.921875,
  "fd_mean": 0.20858882712229104,
  "fd_num": 129,
  "fd_perc": 53.75,
  "fwhm_avg": 1.9472219278328307,
  "fwhm_x": 1.8657633333333334,
  "fwhm_y": 2.1818933333333335,
  "fwhm_z": 1.7940091168318246,
  "gcor": 0.0237063,
  "gsr_x": -0.024572692811489105,
  "gsr_y": 0.018918296322226524,
  "provenance": {
    "md5sum": "203aa6544c78a7fbc6751d8bff72e7d3",
    "settings": {
      "fd_thres": 0.2,
      "testing": false
    },
    "software": "mriqc",
    "version": "22.0.0rc1",
    "webapi_port": null,
    "webapi_url": "https://mriqc.nimh.nih.gov/api/v1"
  },
  "size_t": 240,
  "size_x": 80,
  "size_y": 80,
  "size_z": 36,
  "snr": 5.725345681726027,
  "spacing_tr": 2.0,
  "spacing_x": 3.0,
  "spacing_y": 3.0,
  "spacing_z": 3.299999952316284,
  "summary_bg_k": 70.00875489516444,
  "summary_bg_mad": 60.331866939068725,
  "summary_bg_mean": 594.8917236328125,
  "summary_bg_median": 57.567569732666016,
  "summary_bg_n": 157903.0,
  "summary_bg_p05": 7.74140567779541,
  "summary_bg_p95": 2849.4574707031247,
  "summary_bg_stdv": 1656.0135498046875,
  "summary_fg_k": 2.4550911758810106,
  "summary_fg_mad": 4256.277324974801,
  "summary_fg_mean": 26700.015625,
  "summary_fg_median": 26287.220703125,
  "summary_fg_n": 32838.0,
  "summary_fg_p05": 20269.04794921875,
  "summary_fg_p95": 34260.7,
  "summary_fg_stdv": 4591.30712890625,
  "tsnr": 74.11161804199219
}