{
  "aor": 0.002912,
  "aqi": 0.0022123314074074074,
  "bids_meta": {
    "AcquisitionNumber": 8,
    "BidsifyVersion": "0.3.5",
    "ConversionSoftware": "dcm2niix",
    "ConversionSoftwareVersion": "v1.0.20181125  GCC6.3.0",
    "EchoTime": 0.02763,
    "EffectiveEchoSpacing": 0.0006909035636805814,
    "FlipAngle": 76.1,
    "ImageComments": "PIOP2",
    "ImageOrientationPatientDICOM": [
      0.998868,
      0.0405855,
      -0.0248051,
      -0.0392456,
      0.99786,
      0.0523043
    ],
    "Manufacturer": "Philips",
    "NumberOfVolumesDiscardedByScanner": 2,
    "ParallelAcquisitionTechnique": "SENSE",
    "ParallelReductionFactorInPlane": 2,
    "PatientPosition": "HFS",
    "PhaseEncodingDirection": "j",
    "PhilipsRescaleIntercept": 0,
    "PhilipsRescaleSlope": 0.81001,
    "PhilipsScaleSlope": 0.0555621,
    "ProtocolName": "WIPtask-harriri_boldSENSE",
    "PulseSequenceType": "gradient echo EPI",
    "ReconMatrixPE": 80,
    "RepetitionTime": 2,
    "SeriesDescription": "ImageMRSERIES",
    "SeriesNumber": 8,
    "SliceEncodingDirection": "k",
    "SliceTiming": [
      0.0,
      0.0556,
      0.1111,
      0.1667,
      0.2222,
      0.2778,
      0.3333,
      0.3889,
      0.4444,
      0.5,
      0.5556,
      0.6111,
      0.6667,
      0.7222,
      0.7778,
      0.8333,
      0.8889,
      0.9444,
      1.0,
      1.0556,
      1.1111,
      1.1667,
      1.2222,
      1.2778,
      1.3333,
      1.3889,
      1.4444,
      1.5,
      1.5556,
      1.6111,
      1.6667,
      1.7222,
      1.7778,
      1.8333,
      1.8889,
      1.9444
    ],
    "TaskName": "emomatching",
    "TotalReadoutTime": 0.026945238983542674,
    "UsePhilipsFloatNotDisplayScaling": 1,
    "WaterFatShift": 12,
    "acq_id": "seq",
    "dataset": "ds002790",
    "modality": "bold",
    "subject_id": "0014",
    "task_id": "emomatching"
  },
  "dummy_trs": 0,
  "dvars_nstd": 15.902720522164183,
  "dvars_std": 1.2329469907462687,
  "dvars_vstd": 1.0311594090298506,
  "efc": 0.41934457919139884,
  "fber": 257151.875,
  "fd_mean": 0.0883238931509361,
  "fd_num": 0,
  "fd_perc": 0.0,
  "fwhm_avg": 1.996489705810334,
  "fwhm_x": 1.94527,
  "fwhm_y": 2.2087233333333334,
  "fwhm_z": 1.8354757840976685,
  "gcor": 0.0232468,
  "gsr_x": -0.012202954851090908,
  "gsr_y": 0.008434903807938099,
  "provenance": {
    "md5sum": "3151b54272e467d18437d301c0ad515d",
    "settings": {
      "fd_thres": 0.2,
      "testing": false
    },
    "software": "mriqc",
    "version": "22.0.0rc1",
    "webapi_port": null,
    "webapi_url": "https://mriqc.nimh.nih.gov/api/v1"
  },
  "size_t": 135,
  "size_x": 80,
  "size_y": 80,
  "size_z": 36,
  "snr": 5.6696724986361335,
  "spacing_tr": 2.0,
  "spacing_x": 3.0,
  "spacing_y": 3.0,
  "spacing_z": 3.299999952316284,
  "summary_bg_k": 60.38625143198672,
  "summary_bg_mad": 51.30283687613817,
  "summary_bg_mean": 624.1036987304688,
  "summary_bg_median": 49.004722595214844,
  "summary_bg_n": 157738.0,
  "summary_bg_p05": 5.289132356643677,
  "summary_bg_p95": 3286.887951660155,
  "summary_bg_stdv": 1812.732421875,
  "summary_fg_k": 1.3220438889295831,
  "summary_fg_mad": 4189.448740404914,
  "summary_fg_mean": 25646.048828125,
  "summary_fg_median": 25205.28515625,
  "summary_fg_n": 32726.0,
  "summary_fg_p05": 19392.10205078125,
  "summary_fg_p95": 33306.37890625,
  "summary_fg_stdv": 4445.5654296875,
  "tsnr": 116.8045654296875
}