{
  "aor": 0.0020155555555555556,
  "aqi": 0.0023984431555555555,
  "bids_meta": {
    "AcquisitionNumber": 7,
    "BidsifyVersion": "0.3.5",
    "ConversionSoftware": "dcm2niix",
    "ConversionSoftwareVersion": "v1.0.20181125  GCC6.3.0",
    "EchoTime": 0.02763,
    "EffectiveEchoSpacing": 0.0006909035636805814,
    "FlipAngle": 76.1,
    "ImageComments": "PIOP2",
    "ImageOrientationPatientDICOM": [
      0.998868,
      0.0405855,
      -0.0248051,
      -0.0392456,
      0.99786,
      0.0523043
    ],
    "Manufacturer": "Philips",
    "NumberOfVolumesDiscardedByScanner": 2,
    "ParallelAcquisitionTechnique": "SENSE",
    "ParallelReductionFactorInPlane": 2,
    "PatientPosition": "HFS",
    "PhaseEncodingDirection": "j",
    "PhilipsRescaleIntercept": 0,
    "PhilipsRescaleSlope": 0.81978,
    "PhilipsScaleSlope": 0.0566809,
    "ProtocolName": "WIPtask-stop_boldSENSE",
    "PulseSequenceType": "gradient echo EPI",
    "ReconMatrixPE": 80,
    "RepetitionTime": 2,
    "SeriesDescription": "ImageMRSERIES",
    "SeriesNumber": 7,
    "SliceEncodingDirection": "k",
    "SliceTiming": [
      0.0,
      0.0556,
      0.1111,
      0.1667,
      0.2222,
      0.2778,
      0.3333,
      0.3889,
      0.4444,
      0.5,
      0.5556,
      0.6111,
      0.6667,
      0.7222,
      0.7778,
      0.8333,
      0.8889,
      0.9444,
      1.0,
      1.0556,
      1.1111,
      1.1667,
      1.2222,
      1.2778,
      1.3333,
      1.3889,
      1.4444,
      1.5,
      1.5556,
      1.6111,
      1.6667,
      1.7222,
      1.7778,
      1.8333,
      1.8889,
      1.9444
    ],
    "TaskName": "stopsignal",
    "TotalReadoutTime": 0.026945238983542674,
    "UsePhilipsFloatNotDisplayScaling": 1,
    "WaterFatShift": 12,
    "acq_id": "seq",
    "dataset": "ds002790",
    "modality": "bold",
    "subject_id": "0014",
    "task_id": "stopsignal"
  },
  "dummy_trs": 0,
  "dvars_nstd": 15.942223719330366,
  "dvars_std": 1.2178981082142868,
  "dvars_vstd": 1.0181131754464292,
  "efc": 0.4199736285404041,
  "fber": 251880.75,
  "fd_mean": 0.10326093805315806,
  "fd_num": 4,
  "fd_perc": 1.7777777777777777,
  "fwhm_avg": 1.969661826885359,
  "fwhm_x": 1.9143766666666666,
  "fwhm_y": 2.1875966666666664,
  "fwhm_z": 1.8070121473227436,
  "gcor": 0.0281101,
  "gsr_x": -0.012175265699625015,
  "gsr_y": 0.009091450832784176,
  "provenance": {
    "md5sum": "c98222604e175f11cbefc185c6fc69b0",
    "settings": {
      "fd_thres": 0.2,
      "testing": false
    },
    "software": "mriqc",
    "version": "22.0.0rc1",
    "webapi_port": null,
    "webapi_url": "https://mriqc.nimh.nih.gov/api/v1"
  },
  "size_t": 225,
  "size_x": 80,
  "size_y": 80,
  "size_z": 36,
  "snr": 5.869210533789912,
  "spacing_tr": 2.0,
  "spacing_x": 3.0,
  "spacing_y": 3.0,
  "spacing_z": 3.299999952316284,
  "summary_bg_k": 62.70352632576825,
  "summary_bg_mad": 51.96913449629342,
  "summary_bg_mean": 624.4539794921875,
  "summary_bg_median": 49.7895393371582,
  "summary_bg_n": 157641.0,
  "summary_bg_p05": 5.85692834854126,
  "summary_bg_p95": 3278.60205078125,
  "summary_bg_stdv": 1814.63037109375,
  "summary_fg_k": 1.2750650660146645,
  "summary_fg_mad": 4068.938083124548,
  "summary_fg_mean": 25737.98828125,
  "summary_fg_median": 25346.44921875,
  "summary_fg_n": 32768.0,
  "summary_fg_p05": 19592.911523437502,
  "summary_fg_p95": 33159.108203125,
  "summary_fg_stdv": 4318.47900390625,
  "tsnr": 115.62409973144531
}