{
  "aor": 0.0025269374999999997,
  "aqi": 0.0024398258125,
  "bids_meta": {
    "AcquisitionNumber": 3,
    "BidsifyVersion": "0.3.5",
    "ConversionSoftware": "dcm2niix",
    "ConversionSoftwareVersion": "v1.0.20181125  GCC6.3.0",
    "EchoTime": 0.02763,
    "EffectiveEchoSpacing": 0.0006909035636805814,
    "FlipAngle": 76.1,
    "ImageComments": "PIOP2",
    "ImageOrientationPatientDICOM": [
      0.998868,
      0.0405855,
      -0.0248051,
      -0.0392456,
      0.99786,
      0.0523043
    ],
    "Manufacturer": "Philips",
    "NumberOfVolumesDiscardedByScanner": 2,
    "ParallelAcquisitionTechnique": "SENSE",
    "ParallelReductionFactorInPlane": 2,
    "PatientPosition": "HFS",
    "PhaseEncodingDirection": "j",
    "PhilipsRescaleIntercept": 0,
    "PhilipsRescaleSlope": 0.79878,
    "PhilipsScaleSlope": 0.0564106,
    "ProtocolName": "WIPtask-wm_boldSENSE",
    "PulseSequenceType": "gradient echo EPI",
    "ReconMatrixPE": 80,
    "RepetitionTime": 2,
    "SeriesDescription": "ImageMRSERIES",
    "SeriesNumber": 3,
    "SliceEncodingDirection": "k",
    "SliceTiming": [
      0.0,
      0.0556,
      0.1111,
      0.1667,
      0.2222,
      0.2778,
      0.3333,
      0.3889,
      0.4444,
      0.5,
      0.5556,
      0.6111,
      0.6667,
      0.7222,
      0.7778,
      0.8333,
      0.8889,
      0.9444,
      1.0,
      1.0556,
      1.1111,
      1.1667,
      1.2222,
      1.2778,
      1.3333,
      1.3889,
      1.4444,
      1.5,
      1.5556,
      1.6111,
      1.6667,
      1.7222,
      1.7778,
      1.8333,
      1.8889,
      1.9444
    ],
    "TaskName": "workingmemory",
    "TotalReadoutTime": 0.026945238983542674,
    "UsePhilipsFloatNotDisplayScaling": 1,
    "WaterFatShift": 12,
    "acq_id": "seq",
    "dataset": "ds002790",
    "modality": "bold",
    "subject_id": "0014",
    "task_id": "workingmemory"
  },
  "dummy_trs": 0,
  "dvars_nstd": 17.241916518553463,
  "dvars_std": 1.2717426585534592,
  "dvars_vstd": 1.0151202038364777,
  "efc": 0.41879993309798336,
  "fber": 226042.828125,
  "fd_mean": 0.08652072484913155,
  "fd_num": 1,
  "fd_perc": 0.625,
  "fwhm_avg": 1.9708098066678967,
  "fwhm_x": 1.9177666666666668,
  "fwhm_y": 2.1908566666666665,
  "fwhm_z": 1.8038060866703567,
  "gcor": 0.0309036,
  "gsr_x": -0.01104719378054142,
  "gsr_y": 0.0066343336366117,
  "provenance": {
    "md5sum": "0f8cae480ceac51e8e242a9ea44afa4b",
    "settings": {
      "fd_thres": 0.2,
      "testing": false
    },
    "software": "mriqc",
    "version": "22.0.0rc1",
    "webapi_port": null,
    "webapi_url": "https://mriqc.nimh.nih.gov/api/v1"
  },
  "size_t": 160,
  "size_x": 80,
  "size_y": 80,
  "size_z": 36,
  "snr": 5.832973735346001,
  "spacing_tr": 2.0,
  "spacing_x": 3.0,
  "spacing_y": 3.0,
  "spacing_z": 3.299999952316284,
  "summary_bg_k": 55.896497611771096,
  "summary_bg_mad": 55.28357143296322,
  "summary_bg_mean": 617.8932495117188,
  "summary_bg_median": 52.42427062988281,
  "summary_bg_n": 157646.0,
  "summary_bg_p05": 5.888457655906677,
  "summary_bg_p95": 3099.53955078125,
  "summary_bg_stdv": 1861.305419921875,
  "summary_fg_k": 1.3313477712666328,
  "summary_fg_mad": 4079.416200561389,
  "summary_fg_mean": 25629.115234375,
  "summary_fg_median": 25223.474609375,
  "summary_fg_n": 32670.0,
  "summary_fg_p05": 19526.71708984375,
  "summary_fg_p95": 33031.0400390625,
  "summary_fg_stdv": 4324.224609375,
  "tsnr": 108.26295471191406
}