{
  "bids_meta": {
    "AcquisitionNumber": 2,
    "BidsifyVersion": "0.3.5",
    "ConversionSoftware": "dcm2niix",
    "ConversionSoftwareVersion": "v1.0.20181125  GCC6.3.0",
    "EchoTime": 0.00377,
    "ImageComments": "PIOP2",
    "ImageOrientationPatientDICOM": [
      0.999352,
      -0.0311411,
      0.0180381,
      0.0326281,
      0.995493,
      -0.0890484
    ],
    "Manufacturer": "Philips",
    "NumberSignalAcquisitions": 2,
    "PatientPosition": "HFS",
    "PhilipsRescaleIntercept": 0,
    "PhilipsRescaleSlope": 9.43639,
    "PhilipsScaleSlope": 0.00665293,
    "ProtocolName": "WIPT1anat_acq-6m_T1wSENSE",
    "ReconMatrixPE": 240,
    "RepetitionTime": 0.008209,
    "SeriesDescription": "ImageMRSERIES",
    "SeriesNumber": 2,
    "UsePhilipsFloatNotDisplayScaling": 1,
    "dataset": "ds002790",
    "modality": "T1w",
    "subject_id": "0122"
  },
  "cjv": 0.2855058281304988,
  "cnr": 4.288900520031055,
  "efc": 0.7643863187205212,
  "fber": 1734.4368896484375,
  "fwhm_avg": 4.623840187832327,
  "fwhm_x": 4.41761,
  "fwhm_y": 4.722770281499045,
  "fwhm_z": 4.731140281997936,
  "icvs_csf": 0.26130216466806355,
  "icvs_gm": 0.3520047643847739,
  "icvs_wm": 0.3866930709471626,
  "inu_med": 1.721842646598816,
  "inu_range": 0.40156250000000004,
  "provenance": {
    "md5sum": "aaef1845c8e81b6841eea1894691cd83",
    "settings": {
      "testing": false
    },
    "software": "mriqc",
    "version": "22.0.0rc1",
    "warnings": {
      "large_rot_frame": true,
      "small_air_mask": true
    },
    "webapi_port": null,
    "webapi_url": "https://mriqc.nimh.nih.gov/api/v1"
  },
  "qi_1": 0.0,
  "qi_2": 6.352140715731247e-05,
  "rpve_csf": 19.758469993599224,
  "rpve_gm": 13.352916011283842,
  "rpve_wm": 16.897031913238063,
  "size_x": 240,
  "size_y": 240,
  "size_z": 220,
  "snr_csf": 2.3686534907189594,
  "snr_gm": 9.732358579583,
  "snr_total": 13.60041717078911,
  "snr_wm": 28.700239442065374,
  "snrd_csf": 25.689930990548945,
  "snrd_gm": 55.185603961029194,
  "snrd_total": 54.47343833258551,
  "snrd_wm": 82.54478004617839,
  "spacing_x": 1.0,
  "spacing_y": 0.9999999403953552,
  "spacing_z": 0.9999999403953552,
  "summary_bg_k": 45.83874240125047,
  "summary_bg_mad": 7.9367361240458925,
  "summary_bg_mean": 8.196708679199219,
  "summary_bg_median": 5.581638336181641,
  "summary_bg_n": 233670.0,
  "summary_bg_p05": 0.0,
  "summary_bg_p95": 16.964621639251707,
  "summary_bg_stdv": 6.291146278381348,
  "summary_csf_k": 68.99154590128565,
  "summary_csf_mad": 101.1478872376749,
  "summary_csf_mean": 308.466552734375,
  "summary_csf_median": 311.22406005859375,
  "summary_csf_n": 28934.0,
  "summary_csf_p05": 135.9899887084961,
  "summary_csf_p95": 452.43481903076173,
  "summary_csf_stdv": 131.3905487060547,
  "summary_gm_k": 0.8894667473714346,
  "summary_gm_mad": 63.162890400608255,
  "summary_gm_mean": 673.0217895507812,
  "summary_gm_median": 668.5532836914062,
  "summary_gm_n": 19182.0,
  "summary_gm_p05": 570.3392730712891,
  "summary_gm_p95": 794.48271484375,
  "summary_gm_stdv": 68.69207000732422,
  "summary_wm_k": 0.9431708581385836,
  "summary_wm_mad": 31.466974264854326,
  "summary_wm_mean": 999.9890747070312,
  "summary_wm_median": 999.9996337890625,
  "summary_wm_n": 290256.0,
  "summary_wm_p05": 942.7488861083984,
  "summary_wm_p95": 1056.8385314941406,
  "summary_wm_stdv": 34.84284210205078,
  "tpm_overlap_csf": 0.16918274760246277,
  "tpm_overlap_gm": 0.41499271988868713,
  "tpm_overlap_wm": 0.5145106911659241,
  "wm2max": 0.7302342315323542
}