{
  "aor": 0.002296875,
  "aqi": 0.0037105137083333333,
  "bids_meta": {
    "AcquisitionNumber": 4,
    "BidsifyVersion": "0.3.5",
    "ConversionSoftware": "dcm2niix",
    "ConversionSoftwareVersion": "v1.0.20181125  GCC6.3.0",
    "EchoTime": 0.02763,
    "EffectiveEchoSpacing": 0.0006909035636805814,
    "FlipAngle": 76.1,
    "ImageComments": "PIOP2",
    "ImageOrientationPatientDICOM": [
      0.998419,
      0.0512453,
      -0.0230854,
      -0.0524997,
      0.996966,
      -0.0574765
    ],
    "Manufacturer": "Philips",
    "NumberOfVolumesDiscardedByScanner": 2,
    "ParallelAcquisitionTechnique": "SENSE",
    "ParallelReductionFactorInPlane": 2,
    "PatientPosition": "HFS",
    "PhaseEncodingDirection": "j",
    "PhilipsRescaleIntercept": 0,
    "PhilipsRescaleSlope": 0.74725,
    "PhilipsScaleSlope": 0.0553391,
    "ProtocolName": "WIPtask-rest_boldSENSE",
    "PulseSequenceType": "gradient echo EPI",
    "ReconMatrixPE": 80,
    "RepetitionTime": 2,
    "SeriesDescription": "ImageMRSERIES",
    "SeriesNumber": 4,
    "SliceEncodingDirection": "k",
    "SliceTiming": [
      0.0,
      0.0556,
      0.1111,
      0.1667,
      0.2222,
      0.2778,
      0.3333,
      0.3889,
      0.4444,
      0.5,
      0.5556,
      0.6111,
      0.6667,
      0.7222,
      0.7778,
      0.8333,
      0.8889,
      0.9444,
      1.0,
      1.0556,
      1.1111,
      1.1667,
      1.2222,
      1.2778,
      1.3333,
      1.3889,
      1.4444,
      1.5,
      1.5556,
      1.6111,
      1.6667,
      1.7222,
      1.7778,
      1.8333,
      1.8889,
      1.9444
    ],
    "TaskName": "restingstate",
    "TotalReadoutTime": 0.026945238983542674,
    "UsePhilipsFloatNotDisplayScaling": 1,
    "WaterFatShift": 12,
    "acq_id": "seq",
    "dataset": "ds002790",
    "modality": "bold",
    "subject_id": "0075",
    "task_id": "restingstate"
  },
  "dummy_trs": 0,
  "dvars_nstd": 18.190311887238497,
  "dvars_std": 1.201374843054394,
  "dvars_vstd": 1.0163890392050206,
  "efc": 0.41679188531687483,
  "fber": 204446.140625,
  "fd_mean": 0.19462391910449434,
  "fd_num": 88,
  "fd_perc": 36.666666666666664,
  "fwhm_avg": 2.024754049469624,
  "fwhm_x": 1.9565766666666666,
  "fwhm_y": 2.2355066666666668,
  "fwhm_z": 1.8821788150755394,
  "gcor": 0.0525821,
  "gsr_x": -0.014747186563909054,
  "gsr_y": 0.009584085084497929,
  "provenance": {
    "md5sum": "8ab6a2c0783d222ce3d9ed69f57e37f5",
    "settings": {
      "fd_thres": 0.2,
      "testing": false
    },
    "software": "mriqc",
    "version": "22.0.0rc1",
    "webapi_port": null,
    "webapi_url": "https://mriqc.nimh.nih.gov/api/v1"
  },
  "size_t": 240,
  "size_x": 80,
  "size_y": 80,
  "size_z": 36,
  "snr": 6.18361411943335,
  "spacing_tr": 2.0,
  "spacing_x": 3.0,
  "spacing_y": 3.0,
  "spacing_z": 3.299999952316284,
  "summary_bg_k": 43.693336086084244,
  "summary_bg_mad": 59.468061002873704,
  "summary_bg_mean": 539.7028198242188,
  "summary_bg_median": 57.4531135559082,
  "summary_bg_n": 156797.0,
  "summary_bg_p05": 5.974504470825195,
  "summary_bg_p95": 2583.867431640625,
  "summary_bg_stdv": 1616.1282958984375,
  "summary_fg_k": 1.6452102324208022,
  "summary_fg_mad": 3993.985591281191,
  "summary_fg_mean": 26988.51171875,
  "summary_fg_median": 26613.78515625,
  "summary_fg_n": 33210.0,
  "summary_fg_p05": 20760.91142578125,
  "summary_fg_p95": 34167.731640624996,
  "summary_fg_stdv": 4303.85595703125,
  "tsnr": 92.77777099609375
}