{
  "aor": 0.0026731111111111113,
  "aqi": 0.003919146962962962,
  "bids_meta": {
    "AcquisitionNumber": 8,
    "BidsifyVersion": "0.3.5",
    "ConversionSoftware": "dcm2niix",
    "ConversionSoftwareVersion": "v1.0.20181125  GCC6.3.0",
    "EchoTime": 0.02763,
    "EffectiveEchoSpacing": 0.0006909035636805814,
    "FlipAngle": 76.1,
    "ImageComments": "PIOP2",
    "ImageOrientationPatientDICOM": [
      0.998419,
      0.0512453,
      -0.0230854,
      -0.0524997,
      0.996966,
      -0.0574765
    ],
    "Manufacturer": "Philips",
    "NumberOfVolumesDiscardedByScanner": 2,
    "ParallelAcquisitionTechnique": "SENSE",
    "ParallelReductionFactorInPlane": 2,
    "PatientPosition": "HFS",
    "PhaseEncodingDirection": "j",
    "PhilipsRescaleIntercept": 0,
    "PhilipsRescaleSlope": 0.74872,
    "PhilipsScaleSlope": 0.0552131,
    "ProtocolName": "WIPtask-harriri_boldSENSE",
    "PulseSequenceType": "gradient echo EPI",
    "ReconMatrixPE": 80,
    "RepetitionTime": 2,
    "SeriesDescription": "ImageMRSERIES",
    "SeriesNumber": 8,
    "SliceEncodingDirection": "k",
    "SliceTiming": [
      0.0,
      0.0556,
      0.1111,
      0.1667,
      0.2222,
      0.2778,
      0.3333,
      0.3889,
      0.4444,
      0.5,
      0.5556,
      0.6111,
      0.6667,
      0.7222,
      0.7778,
      0.8333,
      0.8889,
      0.9444,
      1.0,
      1.0556,
      1.1111,
      1.1667,
      1.2222,
      1.2778,
      1.3333,
      1.3889,
      1.4444,
      1.5,
      1.5556,
      1.6111,
      1.6667,
      1.7222,
      1.7778,
      1.8333,
      1.8889,
      1.9444
    ],
    "TaskName": "emomatching",
    "TotalReadoutTime": 0.026945238983542674,
    "UsePhilipsFloatNotDisplayScaling": 1,
    "WaterFatShift": 12,
    "acq_id": "seq",
    "dataset": "ds002790",
    "modality": "bold",
    "subject_id": "0075",
    "task_id": "emomatching"
  },
  "dummy_trs": 0,
  "dvars_nstd": 18.73641221888061,
  "dvars_std": 1.2102577429104475,
  "dvars_vstd": 1.023035383731343,
  "efc": 0.41691286743579486,
  "fber": 207277.1875,
  "fd_mean": 0.17725784092635666,
  "fd_num": 36,
  "fd_perc": 26.666666666666668,
  "fwhm_avg": 2.0315573828408477,
  "fwhm_x": 1.9613966666666667,
  "fwhm_y": 2.24323,
  "fwhm_z": 1.8900454818558763,
  "gcor": 0.0481557,
  "gsr_x": -0.01493451464921236,
  "gsr_y": 0.009697861038148403,
  "provenance": {
    "md5sum": "fe8e634ca37f162d4524d8fb93141aa5",
    "settings": {
      "fd_thres": 0.2,
      "testing": false
    },
    "software": "mriqc",
    "version": "22.0.0rc1",
    "webapi_port": null,
    "webapi_url": "https://mriqc.nimh.nih.gov/api/v1"
  },
  "size_t": 135,
  "size_x": 80,
  "size_y": 80,
  "size_z": 36,
  "snr": 6.189182553459186,
  "spacing_tr": 2.0,
  "spacing_x": 3.0,
  "spacing_y": 3.0,
  "spacing_z": 3.299999952316284,
  "summary_bg_k": 43.59746990235481,
  "summary_bg_mad": 58.7056854211298,
  "summary_bg_mean": 535.8428344726562,
  "summary_bg_median": 56.922386169433594,
  "summary_bg_n": 156734.0,
  "summary_bg_p05": 5.480683469772339,
  "summary_bg_p95": 2568.7096435546905,
  "summary_bg_stdv": 1600.6759033203125,
  "summary_fg_k": 1.565780106907404,
  "summary_fg_mad": 3986.8592552270065,
  "summary_fg_mean": 26886.369140625,
  "summary_fg_median": 26509.271484375,
  "summary_fg_n": 33287.0,
  "summary_fg_p05": 20703.5419921875,
  "summary_fg_p95": 34073.73242187499,
  "summary_fg_stdv": 4283.09765625,
  "tsnr": 92.83096313476562
}