{
  "aor": 0.003269086757990868,
  "aqi": 0.002727932146118722,
  "bids_meta": {
    "AcquisitionNumber": 7,
    "BidsifyVersion": "0.3.5",
    "ConversionSoftware": "dcm2niix",
    "ConversionSoftwareVersion": "v1.0.20181125  GCC6.3.0",
    "EchoTime": 0.02763,
    "EffectiveEchoSpacing": 0.0006909035636805814,
    "FlipAngle": 76.1,
    "ImageComments": "PIOP2",
    "ImageOrientationPatientDICOM": [
      0.998419,
      0.0512453,
      -0.0230854,
      -0.0524997,
      0.996966,
      -0.0574765
    ],
    "Manufacturer": "Philips",
    "NumberOfVolumesDiscardedByScanner": 2,
    "ParallelAcquisitionTechnique": "SENSE",
    "ParallelReductionFactorInPlane": 2,
    "PatientPosition": "HFS",
    "PhaseEncodingDirection": "j",
    "PhilipsRescaleIntercept": 0,
    "PhilipsRescaleSlope": 0.75092,
    "PhilipsScaleSlope": 0.0545738,
    "ProtocolName": "WIPtask-stop_boldSENSE",
    "PulseSequenceType": "gradient echo EPI",
    "ReconMatrixPE": 80,
    "RepetitionTime": 2,
    "SeriesDescription": "ImageMRSERIES",
    "SeriesNumber": 7,
    "SliceEncodingDirection": "k",
    "SliceTiming": [
      0.0,
      0.0556,
      0.1111,
      0.1667,
      0.2222,
      0.2778,
      0.3333,
      0.3889,
      0.4444,
      0.5,
      0.5556,
      0.6111,
      0.6667,
      0.7222,
      0.7778,
      0.8333,
      0.8889,
      0.9444,
      1.0,
      1.0556,
      1.1111,
      1.1667,
      1.2222,
      1.2778,
      1.3333,
      1.3889,
      1.4444,
      1.5,
      1.5556,
      1.6111,
      1.6667,
      1.7222,
      1.7778,
      1.8333,
      1.8889,
      1.9444
    ],
    "TaskName": "stopsignal",
    "TotalReadoutTime": 0.026945238983542674,
    "UsePhilipsFloatNotDisplayScaling": 1,
    "WaterFatShift": 12,
    "acq_id": "seq",
    "dataset": "ds002790",
    "modality": "bold",
    "subject_id": "0075",
    "task_id": "stopsignal"
  },
  "dummy_trs": 0,
  "dvars_nstd": 17.664950366605517,
  "dvars_std": 1.250335262844037,
  "dvars_vstd": 1.0454303396788995,
  "efc": 0.41691241431924464,
  "fber": 205846.390625,
  "fd_mean": 0.13955284675367735,
  "fd_num": 27,
  "fd_perc": 12.32876712328767,
  "fwhm_avg": 2.0202919282817313,
  "fwhm_x": 1.9484566666666667,
  "fwhm_y": 2.22521,
  "fwhm_z": 1.8872091181785282,
  "gcor": 0.0480213,
  "gsr_x": -0.014945193193852901,
  "gsr_y": 0.009296892210841179,
  "provenance": {
    "md5sum": "5b5c63ceec23b0a12507adc36e9292f7",
    "settings": {
      "fd_thres": 0.2,
      "testing": false
    },
    "software": "mriqc",
    "version": "22.0.0rc1",
    "webapi_port": null,
    "webapi_url": "https://mriqc.nimh.nih.gov/api/v1"
  },
  "size_t": 219,
  "size_x": 80,
  "size_y": 80,
  "size_z": 36,
  "snr": 6.22344146494083,
  "spacing_tr": 2.0,
  "spacing_x": 3.0,
  "spacing_y": 3.0,
  "spacing_z": 3.299999952316284,
  "summary_bg_k": 44.78990642509843,
  "summary_bg_mad": 59.76520470235973,
  "summary_bg_mean": 541.778564453125,
  "summary_bg_median": 57.797264099121094,
  "summary_bg_n": 156713.0,
  "summary_bg_p05": 5.608831214904785,
  "summary_bg_p95": 2583.6319335937487,
  "summary_bg_stdv": 1630.1092529296875,
  "summary_fg_k": 1.6618163057951891,
  "summary_fg_mad": 3999.6322208243273,
  "summary_fg_mean": 27207.138671875,
  "summary_fg_median": 26833.734375,
  "summary_fg_n": 33276.0,
  "summary_fg_p05": 21019.6123046875,
  "summary_fg_p95": 34431.416015625,
  "summary_fg_stdv": 4311.65478515625,
  "tsnr": 106.81512451171875
}