{
  "aor": 0.0029006875,
  "aqi": 0.0041295693125,
  "bids_meta": {
    "AcquisitionNumber": 3,
    "BidsifyVersion": "0.3.5",
    "ConversionSoftware": "dcm2niix",
    "ConversionSoftwareVersion": "v1.0.20181125  GCC6.3.0",
    "EchoTime": 0.02763,
    "EffectiveEchoSpacing": 0.0006909035636805814,
    "FlipAngle": 76.1,
    "ImageComments": "PIOP2",
    "ImageOrientationPatientDICOM": [
      0.998419,
      0.0512453,
      -0.0230854,
      -0.0524997,
      0.996966,
      -0.0574765
    ],
    "Manufacturer": "Philips",
    "NumberOfVolumesDiscardedByScanner": 2,
    "ParallelAcquisitionTechnique": "SENSE",
    "ParallelReductionFactorInPlane": 2,
    "PatientPosition": "HFS",
    "PhaseEncodingDirection": "j",
    "PhilipsRescaleIntercept": 0,
    "PhilipsRescaleSlope": 0.77582,
    "PhilipsScaleSlope": 0.0527256,
    "ProtocolName": "WIPtask-wm_boldSENSE",
    "PulseSequenceType": "gradient echo EPI",
    "ReconMatrixPE": 80,
    "RepetitionTime": 2,
    "SeriesDescription": "ImageMRSERIES",
    "SeriesNumber": 3,
    "SliceEncodingDirection": "k",
    "SliceTiming": [
      0.0,
      0.0556,
      0.1111,
      0.1667,
      0.2222,
      0.2778,
      0.3333,
      0.3889,
      0.4444,
      0.5,
      0.5556,
      0.6111,
      0.6667,
      0.7222,
      0.7778,
      0.8333,
      0.8889,
      0.9444,
      1.0,
      1.0556,
      1.1111,
      1.1667,
      1.2222,
      1.2778,
      1.3333,
      1.3889,
      1.4444,
      1.5,
      1.5556,
      1.6111,
      1.6667,
      1.7222,
      1.7778,
      1.8333,
      1.8889,
      1.9444
    ],
    "TaskName": "workingmemory",
    "TotalReadoutTime": 0.026945238983542674,
    "UsePhilipsFloatNotDisplayScaling": 1,
    "WaterFatShift": 12,
    "acq_id": "seq",
    "dataset": "ds002790",
    "modality": "bold",
    "subject_id": "0075",
    "task_id": "workingmemory"
  },
  "dummy_trs": 0,
  "dvars_nstd": 17.517472914591192,
  "dvars_std": 1.172859155283019,
  "dvars_vstd": 0.9992648786163519,
  "efc": 0.4160033801345908,
  "fber": 209000.484375,
  "fd_mean": 0.1366022191412531,
  "fd_num": 15,
  "fd_perc": 9.375,
  "fwhm_avg": 2.0494454637089308,
  "fwhm_x": 1.9857266666666666,
  "fwhm_y": 2.2601066666666667,
  "fwhm_z": 1.9025030577934592,
  "gcor": 0.0196972,
  "gsr_x": -0.01489704754203558,
  "gsr_y": 0.00895578134804964,
  "provenance": {
    "md5sum": "18f19c1716323739c0f9f4030f218699",
    "settings": {
      "fd_thres": 0.2,
      "testing": false
    },
    "software": "mriqc",
    "version": "22.0.0rc1",
    "webapi_port": null,
    "webapi_url": "https://mriqc.nimh.nih.gov/api/v1"
  },
  "size_t": 160,
  "size_x": 80,
  "size_y": 80,
  "size_z": 36,
  "snr": 6.058288501475335,
  "spacing_tr": 2.0,
  "spacing_x": 3.0,
  "spacing_y": 3.0,
  "spacing_z": 3.299999952316284,
  "summary_bg_k": 43.47073102294744,
  "summary_bg_mad": 59.79051669206356,
  "summary_bg_mean": 533.9856567382812,
  "summary_bg_median": 57.576927185058594,
  "summary_bg_n": 156782.0,
  "summary_bg_p05": 6.081956624984741,
  "summary_bg_p95": 2562.9540649414002,
  "summary_bg_stdv": 1590.2452392578125,
  "summary_fg_k": 1.570739738375032,
  "summary_fg_mad": 4126.817483795427,
  "summary_fg_mean": 27344.1796875,
  "summary_fg_median": 26917.322265625,
  "summary_fg_n": 33181.0,
  "summary_fg_p05": 20927.69140625,
  "summary_fg_p95": 34823.83203125,
  "summary_fg_stdv": 4442.990234375,
  "tsnr": 90.642822265625
}