{
  "aor": 0.002477185185185185,
  "aqi": 0.0035487119259259257,
  "bids_meta": {
    "AcquisitionNumber": 8,
    "BidsifyVersion": "0.3.5",
    "ConversionSoftware": "dcm2niix",
    "ConversionSoftwareVersion": "v1.0.20181125  GCC6.3.0",
    "EchoTime": 0.02763,
    "FlipAngle": 76.1,
    "ImageComments": "PIOP2",
    "ImageOrientationPatientDICOM": [
      0.993636,
      -0.111946,
      -0.0124852,
      0.10847,
      0.980836,
      -0.161847
    ],
    "Manufacturer": "Philips",
    "NumberOfVolumesDiscardedByScanner": 2,
    "ParallelAcquisitionTechnique": "SENSE",
    "ParallelReductionFactorInPlane": 2,
    "PatientPosition": "HFS",
    "PhaseEncodingDirection": "j",
    "PhilipsRescaleIntercept": 0,
    "PhilipsRescaleSlope": 0.76093,
    "PhilipsScaleSlope": 0.0495762,
    "ProtocolName": "WIPtask-harriri_boldSENSE",
    "PulseSequenceType": "gradient echo EPI",
    "ReconMatrixPE": 80,
    "RepetitionTime": 2,
    "SeriesDescription": "ImageMRSERIES",
    "SeriesNumber": 8,
    "SliceEncodingDirection": "k",
    "TaskName": "emomatching",
    "UsePhilipsFloatNotDisplayScaling": 1,
    "WaterFatShift": 12,
    "acq_id": "seq",
    "dataset": "ds002790",
    "modality": "bold",
    "subject_id": "0203",
    "task_id": "emomatching"
  },
  "dummy_trs": 0,
  "dvars_nstd": 16.072118730671633,
  "dvars_std": 1.2058004920149252,
  "dvars_vstd": 1.0186756748507468,
  "efc": 0.4597730383478796,
  "fber": 181476.09375,
  "fd_mean": 0.08860935839363773,
  "fd_num": 0,
  "fd_perc": 0.0,
  "fwhm_avg": 1.9050937457748434,
  "fwhm_x": 1.88431,
  "fwhm_y": 2.08675,
  "fwhm_z": 1.7442212373245303,
  "gcor": 0.0300949,
  "gsr_x": -0.019678130745887756,
  "gsr_y": 0.034746769815683365,
  "provenance": {
    "md5sum": "c80d2dc01db1a288d959e9028ea97c30",
    "settings": {
      "fd_thres": 0.2,
      "testing": false
    },
    "software": "mriqc",
    "version": "23.0.1",
    "webapi_port": null,
    "webapi_url": "https://mriqc.nimh.nih.gov/api/v1"
  },
  "size_t": 135,
  "size_x": 80,
  "size_y": 80,
  "size_z": 36,
  "snr": 6.30198309370353,
  "spacing_tr": 2.0,
  "spacing_x": 3.0,
  "spacing_y": 3.0,
  "spacing_z": 3.299999952316284,
  "summary_bg_k": 52.40629208521592,
  "summary_bg_mad": 70.65422981430781,
  "summary_bg_mean": 929.8508911132812,
  "summary_bg_median": 67.82152557373047,
  "summary_bg_n": 150424.0,
  "summary_bg_p05": 8.401817750930787,
  "summary_bg_p95": 5539.070385742194,
  "summary_bg_stdv": 2605.6025390625,
  "summary_fg_k": 2.415221404068065,
  "summary_fg_mad": 4288.801911143267,
  "summary_fg_mean": 29907.0703125,
  "summary_fg_median": 29566.556640625,
  "summary_fg_n": 38762.0,
  "summary_fg_p05": 23189.677636718752,
  "summary_fg_p95": 37287.282421874996,
  "summary_fg_stdv": 4691.56689453125,
  "tsnr": 106.18302917480469
}