{
  "bids_meta": {
    "AcquisitionNumber": 2,
    "BidsifyVersion": "0.3.5",
    "ConversionSoftware": "dcm2niix",
    "ConversionSoftwareVersion": "v1.0.20181125  GCC6.3.0",
    "EchoTime": 0.00374,
    "ImageComments": "PIOP2",
    "ImageOrientationPatientDICOM": [
      0.999624,
      0.00881456,
      0.0259736,
      -0.0069788,
      0.997527,
      -0.0699395
    ],
    "Manufacturer": "Philips",
    "NumberSignalAcquisitions": 2,
    "PatientPosition": "HFS",
    "PhilipsRescaleIntercept": 0,
    "PhilipsRescaleSlope": 9.27497,
    "PhilipsScaleSlope": 0.00711699,
    "ProtocolName": "WIPT1anat_acq-6m_T1wSENSE",
    "ReconMatrixPE": 240,
    "RepetitionTime": 0.008174,
    "SeriesDescription": "ImageMRSERIES",
    "SeriesNumber": 2,
    "UsePhilipsFloatNotDisplayScaling": 1,
    "dataset": "ds002790",
    "modality": "T1w",
    "subject_id": "0118"
  },
  "cjv": 0.2674744129813052,
  "cnr": 4.442653805410891,
  "efc": 0.7653931488803217,
  "fber": 1508.228271484375,
  "fwhm_avg": 4.322246666666667,
  "fwhm_x": 4.22074,
  "fwhm_y": 4.30375,
  "fwhm_z": 4.44225,
  "icvs_csf": 0.24809617433822084,
  "icvs_gm": 0.3946331831621297,
  "icvs_wm": 0.35727064249964946,
  "inu_med": 1.7643558979034424,
  "inu_range": 0.3981921136379243,
  "provenance": {
    "md5sum": "a2dad88f49a3632f6bd2c99a3093e56d",
    "settings": {
      "testing": false
    },
    "software": "mriqc",
    "version": "22.0.0rc1",
    "warnings": {
      "large_rot_frame": true,
      "small_air_mask": true
    },
    "webapi_port": null,
    "webapi_url": "https://mriqc.nimh.nih.gov/api/v1"
  },
  "qi_1": 0.0,
  "qi_2": 0.0001591804932107492,
  "rpve_csf": 25.08154639319408,
  "rpve_gm": 15.432449899842936,
  "rpve_wm": 22.325680135043935,
  "size_x": 240,
  "size_y": 240,
  "size_z": 220,
  "snr_csf": 2.559350222840114,
  "snr_gm": 8.844746370968066,
  "snr_total": 12.335907365248325,
  "snr_wm": 25.603625501936794,
  "snrd_csf": 22.333923438023433,
  "snrd_gm": 50.78502722192595,
  "snrd_total": 51.00967926155682,
  "snrd_wm": 79.91008712472109,
  "spacing_x": 1.0,
  "spacing_y": 1.0,
  "spacing_z": 1.0,
  "summary_bg_k": 77.0537243112694,
  "summary_bg_mad": 8.198418011568622,
  "summary_bg_mean": 8.62855052947998,
  "summary_bg_median": 5.762856960296631,
  "summary_bg_n": 137926.0,
  "summary_bg_p05": 0.0,
  "summary_bg_p95": 17.394524574279785,
  "summary_bg_stdv": 6.507984161376953,
  "summary_csf_k": -0.7368520690703222,
  "summary_csf_mad": 126.53305011161001,
  "summary_csf_mean": 271.1966247558594,
  "summary_csf_median": 279.4881286621094,
  "summary_csf_n": 11845.0,
  "summary_csf_p05": 97.35173187255859,
  "summary_csf_p95": 434.09486694335936,
  "summary_csf_stdv": 109.19815826416016,
  "summary_gm_k": 0.855296941195467,
  "summary_gm_mad": 63.865551913468124,
  "summary_gm_mean": 642.1903076171875,
  "summary_gm_median": 635.5270385742188,
  "summary_gm_n": 19492.0,
  "summary_gm_p05": 536.8879913330078,
  "summary_gm_p95": 772.4329345703126,
  "summary_gm_stdv": 71.85177612304688,
  "summary_wm_k": 1.4054654075128399,
  "summary_wm_mad": 33.62160684076544,
  "summary_wm_mean": 997.146728515625,
  "summary_wm_median": 999.9998779296875,
  "summary_wm_n": 191341.0,
  "summary_wm_p05": 926.9199829101562,
  "summary_wm_p95": 1055.5533447265625,
  "summary_wm_stdv": 39.056861877441406,
  "tpm_overlap_csf": 0.15875251591205597,
  "tpm_overlap_gm": 0.4144153296947479,
  "tpm_overlap_wm": 0.4894886314868927,
  "wm2max": 0.7811988469862817
}