{
  "aor": 0.0032899166666666662,
  "aqi": 0.003176975375,
  "bids_meta": {
    "AcquisitionNumber": 4,
    "BidsifyVersion": "0.3.5",
    "ConversionSoftware": "dcm2niix",
    "ConversionSoftwareVersion": "v1.0.20181125  GCC6.3.0",
    "EchoTime": 0.02763,
    "EffectiveEchoSpacing": 0.0006909035636805814,
    "FlipAngle": 76.1,
    "ImageComments": "PIOP2",
    "ImageOrientationPatientDICOM": [
      0.999758,
      -0.00881908,
      -0.0201713,
      0.00488578,
      0.982289,
      -0.187311
    ],
    "Manufacturer": "Philips",
    "NumberOfVolumesDiscardedByScanner": 2,
    "ParallelAcquisitionTechnique": "SENSE",
    "ParallelReductionFactorInPlane": 2,
    "PatientPosition": "HFS",
    "PhaseEncodingDirection": "j",
    "PhilipsRescaleIntercept": 0,
    "PhilipsRescaleSlope": 0.79634,
    "PhilipsScaleSlope": 0.0509304,
    "ProtocolName": "WIPtask-rest_boldSENSE",
    "PulseSequenceType": "gradient echo EPI",
    "ReconMatrixPE": 80,
    "RepetitionTime": 2,
    "SeriesDescription": "ImageMRSERIES",
    "SeriesNumber": 4,
    "SliceEncodingDirection": "k",
    "SliceTiming": [
      0.0,
      0.0556,
      0.1111,
      0.1667,
      0.2222,
      0.2778,
      0.3333,
      0.3889,
      0.4444,
      0.5,
      0.5556,
      0.6111,
      0.6667,
      0.7222,
      0.7778,
      0.8333,
      0.8889,
      0.9444,
      1.0,
      1.0556,
      1.1111,
      1.1667,
      1.2222,
      1.2778,
      1.3333,
      1.3889,
      1.4444,
      1.5,
      1.5556,
      1.6111,
      1.6667,
      1.7222,
      1.7778,
      1.8333,
      1.8889,
      1.9444
    ],
    "TaskName": "restingstate",
    "TotalReadoutTime": 0.026945238983542674,
    "UsePhilipsFloatNotDisplayScaling": 1,
    "WaterFatShift": 12,
    "acq_id": "seq",
    "dataset": "ds002790",
    "modality": "bold",
    "subject_id": "0130",
    "task_id": "restingstate"
  },
  "dummy_trs": 0,
  "dvars_nstd": 19.629916426694564,
  "dvars_std": 1.3018583978661085,
  "dvars_vstd": 1.0215061577824267,
  "efc": 0.4078004464555349,
  "fber": 247622.0,
  "fd_mean": 0.11492896858878497,
  "fd_num": 13,
  "fd_perc": 5.416666666666667,
  "fwhm_avg": 1.920058392372879,
  "fwhm_x": 1.9736033333333334,
  "fwhm_y": 2.0146566666666668,
  "fwhm_z": 1.7719151771186363,
  "gcor": 0.0212172,
  "gsr_x": -0.014043574221432209,
  "gsr_y": 0.01092232670634985,
  "provenance": {
    "md5sum": "de2981a7e2ced7f9c6a2b73d239c82a6",
    "settings": {
      "fd_thres": 0.2,
      "testing": false
    },
    "software": "mriqc",
    "version": "22.0.0rc1",
    "webapi_port": null,
    "webapi_url": "https://mriqc.nimh.nih.gov/api/v1"
  },
  "size_t": 240,
  "size_x": 80,
  "size_y": 80,
  "size_z": 36,
  "snr": 5.062782200248824,
  "spacing_tr": 2.0,
  "spacing_x": 3.0,
  "spacing_y": 3.0,
  "spacing_z": 3.299999952316284,
  "summary_bg_k": 117.3860169413354,
  "summary_bg_mad": 56.21066017125714,
  "summary_bg_mean": 477.68621826171875,
  "summary_bg_median": 53.33156204223633,
  "summary_bg_n": 156873.0,
  "summary_bg_p05": 5.358044910430909,
  "summary_bg_p95": 2202.1910156249996,
  "summary_bg_stdv": 1533.1351318359375,
  "summary_fg_k": 1.5658323309458808,
  "summary_fg_mad": 5032.96542721832,
  "summary_fg_mean": 27895.767578125,
  "summary_fg_median": 27280.015625,
  "summary_fg_n": 32855.0,
  "summary_fg_p05": 20607.1923828125,
  "summary_fg_p95": 37055.416796875,
  "summary_fg_stdv": 5388.2626953125,
  "tsnr": 91.90107727050781
}