{
  "aor": 0.003091383928571428,
  "aqi": 0.011428124464285715,
  "bids_meta": {
    "AcquisitionNumber": 7,
    "BidsifyVersion": "0.3.5",
    "ConversionSoftware": "dcm2niix",
    "ConversionSoftwareVersion": "v1.0.20181125  GCC6.3.0",
    "EchoTime": 0.02763,
    "EffectiveEchoSpacing": 0.0006909035636805814,
    "FlipAngle": 76.1,
    "ImageComments": "PIOP2",
    "ImageOrientationPatientDICOM": [
      0.997974,
      -0.0625905,
      0.0114261,
      0.0619129,
      0.996712,
      0.0522723
    ],
    "Manufacturer": "Philips",
    "NumberOfVolumesDiscardedByScanner": 2,
    "ParallelAcquisitionTechnique": "SENSE",
    "ParallelReductionFactorInPlane": 2,
    "PatientPosition": "HFS",
    "PhaseEncodingDirection": "j",
    "PhilipsRescaleIntercept": 0,
    "PhilipsRescaleSlope": 0.77582,
    "PhilipsScaleSlope": 0.0503196,
    "ProtocolName": "WIPtask-stop_boldSENSE",
    "PulseSequenceType": "gradient echo EPI",
    "ReconMatrixPE": 80,
    "RepetitionTime": 2,
    "SeriesDescription": "ImageMRSERIES",
    "SeriesNumber": 7,
    "SliceEncodingDirection": "k",
    "SliceTiming": [
      0.0,
      0.0556,
      0.1111,
      0.1667,
      0.2222,
      0.2778,
      0.3333,
      0.3889,
      0.4444,
      0.5,
      0.5556,
      0.6111,
      0.6667,
      0.7222,
      0.7778,
      0.8333,
      0.8889,
      0.9444,
      1.0,
      1.0556,
      1.1111,
      1.1667,
      1.2222,
      1.2778,
      1.3333,
      1.3889,
      1.4444,
      1.5,
      1.5556,
      1.6111,
      1.6667,
      1.7222,
      1.7778,
      1.8333,
      1.8889,
      1.9444
    ],
    "TaskName": "stopsignal",
    "TotalReadoutTime": 0.026945238983542674,
    "UsePhilipsFloatNotDisplayScaling": 1,
    "WaterFatShift": 12,
    "acq_id": "seq",
    "dataset": "ds002790",
    "modality": "bold",
    "subject_id": "0160",
    "task_id": "stopsignal"
  },
  "dummy_trs": 0,
  "dvars_nstd": 24.581096431210756,
  "dvars_std": 1.1647706929596415,
  "dvars_vstd": 0.9729706573094171,
  "efc": 0.45718755531208205,
  "fber": 158036.515625,
  "fd_mean": 0.27207509254868634,
  "fd_num": 119,
  "fd_perc": 53.125,
  "fwhm_avg": 1.9145964731488057,
  "fwhm_x": 1.9181666666666668,
  "fwhm_y": 2.0603833333333332,
  "fwhm_z": 1.7652394194464165,
  "gcor": 0.0704501,
  "gsr_x": 0.0018424108857288957,
  "gsr_y": 0.0126312505453825,
  "provenance": {
    "md5sum": "21e081e5eed4c25a558e7ed7aef75bb7",
    "settings": {
      "fd_thres": 0.2,
      "testing": false
    },
    "software": "mriqc",
    "version": "22.0.0rc1",
    "webapi_port": null,
    "webapi_url": "https://mriqc.nimh.nih.gov/api/v1"
  },
  "size_t": 224,
  "size_x": 80,
  "size_y": 80,
  "size_z": 36,
  "snr": 5.444538192070627,
  "spacing_tr": 2.0,
  "spacing_x": 3.0,
  "spacing_y": 3.0,
  "spacing_z": 3.299999952316284,
  "summary_bg_k": 31.387309119238957,
  "summary_bg_mad": 76.2550992616576,
  "summary_bg_mean": 753.0693969726562,
  "summary_bg_median": 65.55683898925781,
  "summary_bg_n": 149549.0,
  "summary_bg_p05": 6.417539596557617,
  "summary_bg_p95": 4108.035644531252,
  "summary_bg_stdv": 1939.039306640625,
  "summary_fg_k": 2.425615147704349,
  "summary_fg_mad": 4228.889723836859,
  "summary_fg_mean": 26901.82421875,
  "summary_fg_median": 26197.90234375,
  "summary_fg_n": 39166.0,
  "summary_fg_p05": 20663.8642578125,
  "summary_fg_p95": 35246.8955078125,
  "summary_fg_stdv": 4811.71533203125,
  "tsnr": 54.18540954589844
}