{
  "aor": 0.0052188749999999996,
  "aqi": 0.013232593708333332,
  "bids_meta": {
    "AcquisitionNumber": 4,
    "BidsifyVersion": "0.3.5",
    "ConversionSoftware": "dcm2niix",
    "ConversionSoftwareVersion": "v1.0.20181125  GCC6.3.0",
    "EchoTime": 0.02763,
    "EffectiveEchoSpacing": 0.0006909035636805814,
    "FlipAngle": 76.1,
    "ImageComments": "PIOP2",
    "ImageOrientationPatientDICOM": [
      0.997974,
      -0.0625905,
      0.0114261,
      0.0619129,
      0.996712,
      0.0522723
    ],
    "Manufacturer": "Philips",
    "NumberOfVolumesDiscardedByScanner": 2,
    "ParallelAcquisitionTechnique": "SENSE",
    "ParallelReductionFactorInPlane": 2,
    "PatientPosition": "HFS",
    "PhaseEncodingDirection": "j",
    "PhilipsRescaleIntercept": 0,
    "PhilipsRescaleSlope": 0.81001,
    "PhilipsScaleSlope": 0.0511073,
    "ProtocolName": "WIPtask-rest_boldSENSE",
    "PulseSequenceType": "gradient echo EPI",
    "ReconMatrixPE": 80,
    "RepetitionTime": 2,
    "SeriesDescription": "ImageMRSERIES",
    "SeriesNumber": 4,
    "SliceEncodingDirection": "k",
    "SliceTiming": [
      0.0,
      0.0556,
      0.1111,
      0.1667,
      0.2222,
      0.2778,
      0.3333,
      0.3889,
      0.4444,
      0.5,
      0.5556,
      0.6111,
      0.6667,
      0.7222,
      0.7778,
      0.8333,
      0.8889,
      0.9444,
      1.0,
      1.0556,
      1.1111,
      1.1667,
      1.2222,
      1.2778,
      1.3333,
      1.3889,
      1.4444,
      1.5,
      1.5556,
      1.6111,
      1.6667,
      1.7222,
      1.7778,
      1.8333,
      1.8889,
      1.9444
    ],
    "TaskName": "restingstate",
    "TotalReadoutTime": 0.026945238983542674,
    "UsePhilipsFloatNotDisplayScaling": 1,
    "WaterFatShift": 12,
    "acq_id": "seq",
    "dataset": "ds002790",
    "modality": "bold",
    "subject_id": "0160",
    "task_id": "restingstate"
  },
  "dummy_trs": 0,
  "dvars_nstd": 25.560986550669462,
  "dvars_std": 1.2214528096652721,
  "dvars_vstd": 0.9962452784937236,
  "efc": 0.457093966148246,
  "fber": 173777.734375,
  "fd_mean": 0.2864454090233539,
  "fd_num": 130,
  "fd_perc": 54.166666666666664,
  "fwhm_avg": 1.9185220287069298,
  "fwhm_x": 1.9252266666666669,
  "fwhm_y": 2.0645666666666664,
  "fwhm_z": 1.7657727527874563,
  "gcor": 0.0688462,
  "gsr_x": 0.001410704106092453,
  "gsr_y": 0.011979489587247372,
  "provenance": {
    "md5sum": "bc7b408fc3fda3798991294f7c38680a",
    "settings": {
      "fd_thres": 0.2,
      "testing": false
    },
    "software": "mriqc",
    "version": "22.0.0rc1",
    "webapi_port": null,
    "webapi_url": "https://mriqc.nimh.nih.gov/api/v1"
  },
  "size_t": 240,
  "size_x": 80,
  "size_y": 80,
  "size_z": 36,
  "snr": 5.581661718477685,
  "spacing_tr": 2.0,
  "spacing_x": 3.0,
  "spacing_y": 3.0,
  "spacing_z": 3.299999952316284,
  "summary_bg_k": 30.729207181084064,
  "summary_bg_mad": 72.18763982177651,
  "summary_bg_mean": 738.4400024414062,
  "summary_bg_median": 62.93808364868164,
  "summary_bg_n": 149397.0,
  "summary_bg_p05": 7.316306495666504,
  "summary_bg_p95": 3993.6229980468697,
  "summary_bg_stdv": 1896.3521728515625,
  "summary_fg_k": 2.0564731151766464,
  "summary_fg_mad": 4298.799341142077,
  "summary_fg_mean": 27082.716796875,
  "summary_fg_median": 26440.2265625,
  "summary_fg_n": 39285.0,
  "summary_fg_p05": 20844.082421875,
  "summary_fg_p95": 35360.749218749996,
  "summary_fg_stdv": 4736.9208984375,
  "tsnr": 50.118133544921875
}