{
  "aor": 0.0032340000000000003,
  "aqi": 0.006535492962962962,
  "bids_meta": {
    "AcquisitionNumber": 8,
    "BidsifyVersion": "0.3.5",
    "ConversionSoftware": "dcm2niix",
    "ConversionSoftwareVersion": "v1.0.20181125  GCC6.3.0",
    "EchoTime": 0.02763,
    "EffectiveEchoSpacing": 0.0006909035636805814,
    "FlipAngle": 76.1,
    "ImageComments": "PIOP2",
    "ImageOrientationPatientDICOM": [
      0.997974,
      -0.0625905,
      0.0114261,
      0.0619129,
      0.996712,
      0.0522723
    ],
    "Manufacturer": "Philips",
    "NumberOfVolumesDiscardedByScanner": 2,
    "ParallelAcquisitionTechnique": "SENSE",
    "ParallelReductionFactorInPlane": 2,
    "PatientPosition": "HFS",
    "PhaseEncodingDirection": "j",
    "PhilipsRescaleIntercept": 0,
    "PhilipsRescaleSlope": 0.79805,
    "PhilipsScaleSlope": 0.0504322,
    "ProtocolName": "WIPtask-harriri_boldSENSE",
    "PulseSequenceType": "gradient echo EPI",
    "ReconMatrixPE": 80,
    "RepetitionTime": 2,
    "SeriesDescription": "ImageMRSERIES",
    "SeriesNumber": 8,
    "SliceEncodingDirection": "k",
    "SliceTiming": [
      0.0,
      0.0556,
      0.1111,
      0.1667,
      0.2222,
      0.2778,
      0.3333,
      0.3889,
      0.4444,
      0.5,
      0.5556,
      0.6111,
      0.6667,
      0.7222,
      0.7778,
      0.8333,
      0.8889,
      0.9444,
      1.0,
      1.0556,
      1.1111,
      1.1667,
      1.2222,
      1.2778,
      1.3333,
      1.3889,
      1.4444,
      1.5,
      1.5556,
      1.6111,
      1.6667,
      1.7222,
      1.7778,
      1.8333,
      1.8889,
      1.9444
    ],
    "TaskName": "emomatching",
    "TotalReadoutTime": 0.026945238983542674,
    "UsePhilipsFloatNotDisplayScaling": 1,
    "WaterFatShift": 12,
    "acq_id": "seq",
    "dataset": "ds002790",
    "modality": "bold",
    "subject_id": "0160",
    "task_id": "emomatching"
  },
  "dummy_trs": 0,
  "dvars_nstd": 21.514528516791056,
  "dvars_std": 1.2552179617910444,
  "dvars_vstd": 1.007275037537314,
  "efc": 0.4589065971189505,
  "fber": 167348.765625,
  "fd_mean": 0.17988974636737726,
  "fd_num": 35,
  "fd_perc": 25.925925925925927,
  "fwhm_avg": 1.8990412205287839,
  "fwhm_x": 1.9054666666666666,
  "fwhm_y": 2.0460933333333333,
  "fwhm_z": 1.7455636615863521,
  "gcor": 0.0824865,
  "gsr_x": 0.0015865352470427752,
  "gsr_y": 0.013120628893375397,
  "provenance": {
    "md5sum": "61274414430dbf39a13e50ca95bb1180",
    "settings": {
      "fd_thres": 0.2,
      "testing": false
    },
    "software": "mriqc",
    "version": "22.0.0rc1",
    "webapi_port": null,
    "webapi_url": "https://mriqc.nimh.nih.gov/api/v1"
  },
  "size_t": 135,
  "size_x": 80,
  "size_y": 80,
  "size_z": 36,
  "snr": 5.583729201427668,
  "spacing_tr": 2.0,
  "spacing_x": 3.0,
  "spacing_y": 3.0,
  "spacing_z": 3.299999952316284,
  "summary_bg_k": 31.201499003507138,
  "summary_bg_mad": 74.77146770964154,
  "summary_bg_mean": 760.2796630859375,
  "summary_bg_median": 63.4134521484375,
  "summary_bg_n": 149308.0,
  "summary_bg_p05": 5.613717675209046,
  "summary_bg_p95": 4168.409814453117,
  "summary_bg_stdv": 1954.3204345703125,
  "summary_fg_k": 2.098774558513762,
  "summary_fg_mad": 4178.065714387443,
  "summary_fg_mean": 26685.306640625,
  "summary_fg_median": 26042.18359375,
  "summary_fg_n": 39411.0,
  "summary_fg_p05": 20527.9873046875,
  "summary_fg_p95": 34745.744140625,
  "summary_fg_stdv": 4663.8818359375,
  "tsnr": 70.23705291748047
}