{
  "aor": 0.0025903703703703705,
  "aqi": 0.004365809481481481,
  "bids_meta": {
    "AcquisitionNumber": 8,
    "BidsifyVersion": "0.3.5",
    "ConversionSoftware": "dcm2niix",
    "ConversionSoftwareVersion": "v1.0.20181125  GCC6.3.0",
    "EchoTime": 0.02763,
    "EffectiveEchoSpacing": 0.0006909035636805814,
    "FlipAngle": 76.1,
    "ImageComments": "PIOP2",
    "ImageOrientationPatientDICOM": [
      0.999994,
      0.000934814,
      -0.00338572,
      -0.00157079,
      0.981191,
      -0.193031
    ],
    "Manufacturer": "Philips",
    "NumberOfVolumesDiscardedByScanner": 2,
    "ParallelAcquisitionTechnique": "SENSE",
    "ParallelReductionFactorInPlane": 2,
    "PatientPosition": "HFS",
    "PhaseEncodingDirection": "j",
    "PhilipsRescaleIntercept": 0,
    "PhilipsRescaleSlope": 0.8127,
    "PhilipsScaleSlope": 0.0515495,
    "ProtocolName": "WIPtask-harriri_boldSENSE",
    "PulseSequenceType": "gradient echo EPI",
    "ReconMatrixPE": 80,
    "RepetitionTime": 2,
    "SeriesDescription": "ImageMRSERIES",
    "SeriesNumber": 8,
    "SliceEncodingDirection": "k",
    "SliceTiming": [
      0.0,
      0.0556,
      0.1111,
      0.1667,
      0.2222,
      0.2778,
      0.3333,
      0.3889,
      0.4444,
      0.5,
      0.5556,
      0.6111,
      0.6667,
      0.7222,
      0.7778,
      0.8333,
      0.8889,
      0.9444,
      1.0,
      1.0556,
      1.1111,
      1.1667,
      1.2222,
      1.2778,
      1.3333,
      1.3889,
      1.4444,
      1.5,
      1.5556,
      1.6111,
      1.6667,
      1.7222,
      1.7778,
      1.8333,
      1.8889,
      1.9444
    ],
    "TaskName": "emomatching",
    "TotalReadoutTime": 0.026945238983542674,
    "UsePhilipsFloatNotDisplayScaling": 1,
    "WaterFatShift": 12,
    "acq_id": "seq",
    "dataset": "ds002790",
    "modality": "bold",
    "subject_id": "0152",
    "task_id": "emomatching"
  },
  "dummy_trs": 0,
  "dvars_nstd": 17.418335807835817,
  "dvars_std": 1.147896152761194,
  "dvars_vstd": 0.9726239359701492,
  "efc": 0.3881136033493864,
  "fber": 292391.09375,
  "fd_mean": 0.11628555301252702,
  "fd_num": 10,
  "fd_perc": 7.407407407407407,
  "fwhm_avg": 2.1111060698871333,
  "fwhm_x": 2.0723333333333334,
  "fwhm_y": 2.3340666666666667,
  "fwhm_z": 1.9269182096614001,
  "gcor": 0.0255358,
  "gsr_x": -0.028058329597115517,
  "gsr_y": 0.007539768237620592,
  "provenance": {
    "md5sum": "912d70283c8885c98a1c1bc55aeb6452",
    "settings": {
      "fd_thres": 0.2,
      "testing": false
    },
    "software": "mriqc",
    "version": "22.0.0rc1",
    "webapi_port": null,
    "webapi_url": "https://mriqc.nimh.nih.gov/api/v1"
  },
  "size_t": 135,
  "size_x": 80,
  "size_y": 80,
  "size_z": 36,
  "snr": 5.340672927222539,
  "spacing_tr": 2.0,
  "spacing_x": 3.0,
  "spacing_y": 3.0,
  "spacing_z": 3.299999952316284,
  "summary_bg_k": 45.81330314786265,
  "summary_bg_mad": 48.99808350149955,
  "summary_bg_mean": 580.9103393554688,
  "summary_bg_median": 47.95988082885742,
  "summary_bg_n": 163763.0,
  "summary_bg_p05": 4.771326923370362,
  "summary_bg_p95": 2977.461254882809,
  "summary_bg_stdv": 1813.5823974609375,
  "summary_fg_k": 0.9617806535850772,
  "summary_fg_mad": 4610.7727276929145,
  "summary_fg_mean": 26860.61328125,
  "summary_fg_median": 26402.73828125,
  "summary_fg_n": 27494.0,
  "summary_fg_p05": 19510.652734375,
  "summary_fg_p95": 35355.6404296875,
  "summary_fg_stdv": 4943.6201171875,
  "tsnr": 76.8085708618164
}