{
  "aor": 0.0017919375000000001,
  "aqi": 0.009837756375,
  "bids_meta": {
    "AcquisitionNumber": 3,
    "BidsifyVersion": "0.3.5",
    "ConversionSoftware": "dcm2niix",
    "ConversionSoftwareVersion": "v1.0.20181125  GCC6.3.0",
    "EchoTime": 0.02763,
    "EffectiveEchoSpacing": 0.0006909035636805814,
    "FlipAngle": 76.1,
    "ImageComments": "PIOP2",
    "ImageOrientationPatientDICOM": [
      0.999994,
      0.000934814,
      -0.00338572,
      -0.00157079,
      0.981191,
      -0.193031
    ],
    "Manufacturer": "Philips",
    "NumberOfVolumesDiscardedByScanner": 2,
    "ParallelAcquisitionTechnique": "SENSE",
    "ParallelReductionFactorInPlane": 2,
    "PatientPosition": "HFS",
    "PhaseEncodingDirection": "j",
    "PhilipsRescaleIntercept": 0,
    "PhilipsRescaleSlope": 0.74872,
    "PhilipsScaleSlope": 0.0513678,
    "ProtocolName": "WIPtask-wm_boldSENSE",
    "PulseSequenceType": "gradient echo EPI",
    "ReconMatrixPE": 80,
    "RepetitionTime": 2,
    "SeriesDescription": "ImageMRSERIES",
    "SeriesNumber": 3,
    "SliceEncodingDirection": "k",
    "SliceTiming": [
      0.0,
      0.0556,
      0.1111,
      0.1667,
      0.2222,
      0.2778,
      0.3333,
      0.3889,
      0.4444,
      0.5,
      0.5556,
      0.6111,
      0.6667,
      0.7222,
      0.7778,
      0.8333,
      0.8889,
      0.9444,
      1.0,
      1.0556,
      1.1111,
      1.1667,
      1.2222,
      1.2778,
      1.3333,
      1.3889,
      1.4444,
      1.5,
      1.5556,
      1.6111,
      1.6667,
      1.7222,
      1.7778,
      1.8333,
      1.8889,
      1.9444
    ],
    "TaskName": "workingmemory",
    "TotalReadoutTime": 0.026945238983542674,
    "UsePhilipsFloatNotDisplayScaling": 1,
    "WaterFatShift": 12,
    "acq_id": "seq",
    "dataset": "ds002790",
    "modality": "bold",
    "subject_id": "0152",
    "task_id": "workingmemory"
  },
  "dummy_trs": 0,
  "dvars_nstd": 18.58617533062894,
  "dvars_std": 1.0612073271698117,
  "dvars_vstd": 0.8964122499371071,
  "efc": 0.3893194700668758,
  "fber": 264216.125,
  "fd_mean": 0.1260835306908838,
  "fd_num": 20,
  "fd_perc": 12.5,
  "fwhm_avg": 2.1856934440285123,
  "fwhm_x": 2.1291933333333333,
  "fwhm_y": 2.41709,
  "fwhm_z": 2.0107969987522036,
  "gcor": 0.0135252,
  "gsr_x": -0.02875572256743908,
  "gsr_y": 0.006145748309791088,
  "provenance": {
    "md5sum": "61beae18117e5c42bc666cbcb01e818a",
    "settings": {
      "fd_thres": 0.2,
      "testing": false
    },
    "software": "mriqc",
    "version": "22.0.0rc1",
    "webapi_port": null,
    "webapi_url": "https://mriqc.nimh.nih.gov/api/v1"
  },
  "size_t": 160,
  "size_x": 80,
  "size_y": 80,
  "size_z": 36,
  "snr": 5.20706726499155,
  "spacing_tr": 2.0,
  "spacing_x": 3.0,
  "spacing_y": 3.0,
  "spacing_z": 3.299999952316284,
  "summary_bg_k": 44.63564822528724,
  "summary_bg_mad": 56.363910681145946,
  "summary_bg_mean": 598.9476928710938,
  "summary_bg_median": 51.5189094543457,
  "summary_bg_n": 163497.0,
  "summary_bg_p05": 4.5222340583801275,
  "summary_bg_p95": 3033.435693359368,
  "summary_bg_stdv": 1867.969970703125,
  "summary_fg_k": 0.9574922159016377,
  "summary_fg_mad": 4938.860726247625,
  "summary_fg_mean": 27761.0,
  "summary_fg_median": 27274.671875,
  "summary_fg_n": 27640.0,
  "summary_fg_p05": 20008.70166015625,
  "summary_fg_p95": 36867.41171875,
  "summary_fg_stdv": 5237.91552734375,
  "tsnr": 58.12058639526367
}