{
  "aor": 0.0058398750000000004,
  "aqi": 0.01108630075,
  "bids_meta": {
    "AcquisitionNumber": 4,
    "BidsifyVersion": "0.3.5",
    "ConversionSoftware": "dcm2niix",
    "ConversionSoftwareVersion": "v1.0.20181125  GCC6.3.0",
    "EchoTime": 0.02763,
    "EffectiveEchoSpacing": 0.0006909035636805814,
    "FlipAngle": 76.1,
    "ImageComments": "PIOP2",
    "ImageOrientationPatientDICOM": [
      0.999994,
      0.000934814,
      -0.00338572,
      -0.00157079,
      0.981191,
      -0.193031
    ],
    "Manufacturer": "Philips",
    "NumberOfVolumesDiscardedByScanner": 2,
    "ParallelAcquisitionTechnique": "SENSE",
    "ParallelReductionFactorInPlane": 2,
    "PatientPosition": "HFS",
    "PhaseEncodingDirection": "j",
    "PhilipsRescaleIntercept": 0,
    "PhilipsRescaleSlope": 0.75775,
    "PhilipsScaleSlope": 0.0519497,
    "ProtocolName": "WIPtask-rest_boldSENSE",
    "PulseSequenceType": "gradient echo EPI",
    "ReconMatrixPE": 80,
    "RepetitionTime": 2,
    "SeriesDescription": "ImageMRSERIES",
    "SeriesNumber": 4,
    "SliceEncodingDirection": "k",
    "SliceTiming": [
      0.0,
      0.0556,
      0.1111,
      0.1667,
      0.2222,
      0.2778,
      0.3333,
      0.3889,
      0.4444,
      0.5,
      0.5556,
      0.6111,
      0.6667,
      0.7222,
      0.7778,
      0.8333,
      0.8889,
      0.9444,
      1.0,
      1.0556,
      1.1111,
      1.1667,
      1.2222,
      1.2778,
      1.3333,
      1.3889,
      1.4444,
      1.5,
      1.5556,
      1.6111,
      1.6667,
      1.7222,
      1.7778,
      1.8333,
      1.8889,
      1.9444
    ],
    "TaskName": "restingstate",
    "TotalReadoutTime": 0.026945238983542674,
    "UsePhilipsFloatNotDisplayScaling": 1,
    "WaterFatShift": 12,
    "acq_id": "seq",
    "dataset": "ds002790",
    "modality": "bold",
    "subject_id": "0152",
    "task_id": "restingstate"
  },
  "dummy_trs": 0,
  "dvars_nstd": 17.477423680083692,
  "dvars_std": 1.105857730502091,
  "dvars_vstd": 0.9491207389539744,
  "efc": 0.3876902689142003,
  "fber": 278790.125,
  "fd_mean": 0.13723519700138392,
  "fd_num": 32,
  "fd_perc": 13.333333333333334,
  "fwhm_avg": 2.1019961706414616,
  "fwhm_x": 2.09372,
  "fwhm_y": 2.3384533333333333,
  "fwhm_z": 1.8738151785910515,
  "gcor": 0.0138118,
  "gsr_x": -0.027717435732483864,
  "gsr_y": 0.007182618137449026,
  "provenance": {
    "md5sum": "1957fafa54f6e8f028ec93ff49b8f242",
    "settings": {
      "fd_thres": 0.2,
      "testing": false
    },
    "software": "mriqc",
    "version": "22.0.0rc1",
    "webapi_port": null,
    "webapi_url": "https://mriqc.nimh.nih.gov/api/v1"
  },
  "size_t": 240,
  "size_x": 80,
  "size_y": 80,
  "size_z": 36,
  "snr": 5.4023404877409495,
  "spacing_tr": 2.0,
  "spacing_x": 3.0,
  "spacing_y": 3.0,
  "spacing_z": 3.299999952316284,
  "summary_bg_k": 47.39275695254355,
  "summary_bg_mad": 53.532701996131316,
  "summary_bg_mean": 587.3545532226562,
  "summary_bg_median": 50.161067962646484,
  "summary_bg_n": 163707.0,
  "summary_bg_p05": 5.159908103942871,
  "summary_bg_p95": 3046.0818115234338,
  "summary_bg_stdv": 1829.715576171875,
  "summary_fg_k": 0.9636166872614269,
  "summary_fg_mad": 4671.723026123022,
  "summary_fg_mean": 27483.625,
  "summary_fg_median": 27021.919921875,
  "summary_fg_n": 27479.0,
  "summary_fg_p05": 20049.8197265625,
  "summary_fg_p95": 36219.85546875,
  "summary_fg_stdv": 5001.80029296875,
  "tsnr": 61.51002502441406
}