{
  "aor": 0.004454285714285714,
  "aqi": 0.003047408526785714,
  "bids_meta": {
    "AcquisitionNumber": 7,
    "BidsifyVersion": "0.3.5",
    "ConversionSoftware": "dcm2niix",
    "ConversionSoftwareVersion": "v1.0.20181125  GCC6.3.0",
    "EchoTime": 0.02763,
    "EffectiveEchoSpacing": 0.0006909035636805814,
    "FlipAngle": 76.1,
    "ImageComments": "PIOP2",
    "ImageOrientationPatientDICOM": [
      0.999994,
      0.000934814,
      -0.00338572,
      -0.00157079,
      0.981191,
      -0.193031
    ],
    "Manufacturer": "Philips",
    "NumberOfVolumesDiscardedByScanner": 2,
    "ParallelAcquisitionTechnique": "SENSE",
    "ParallelReductionFactorInPlane": 2,
    "PatientPosition": "HFS",
    "PhaseEncodingDirection": "j",
    "PhilipsRescaleIntercept": 0,
    "PhilipsRescaleSlope": 0.80586,
    "PhilipsScaleSlope": 0.0492381,
    "ProtocolName": "WIPtask-stop_boldSENSE",
    "PulseSequenceType": "gradient echo EPI",
    "ReconMatrixPE": 80,
    "RepetitionTime": 2,
    "SeriesDescription": "ImageMRSERIES",
    "SeriesNumber": 7,
    "SliceEncodingDirection": "k",
    "SliceTiming": [
      0.0,
      0.0556,
      0.1111,
      0.1667,
      0.2222,
      0.2778,
      0.3333,
      0.3889,
      0.4444,
      0.5,
      0.5556,
      0.6111,
      0.6667,
      0.7222,
      0.7778,
      0.8333,
      0.8889,
      0.9444,
      1.0,
      1.0556,
      1.1111,
      1.1667,
      1.2222,
      1.2778,
      1.3333,
      1.3889,
      1.4444,
      1.5,
      1.5556,
      1.6111,
      1.6667,
      1.7222,
      1.7778,
      1.8333,
      1.8889,
      1.9444
    ],
    "TaskName": "stopsignal",
    "TotalReadoutTime": 0.026945238983542674,
    "UsePhilipsFloatNotDisplayScaling": 1,
    "WaterFatShift": 12,
    "acq_id": "seq",
    "dataset": "ds002790",
    "modality": "bold",
    "subject_id": "0152",
    "task_id": "stopsignal"
  },
  "dummy_trs": 0,
  "dvars_nstd": 16.257507602197308,
  "dvars_std": 1.2153913554708524,
  "dvars_vstd": 1.0301271726008967,
  "efc": 0.3872007382702622,
  "fber": 300670.75,
  "fd_mean": 0.09374215607840963,
  "fd_num": 7,
  "fd_perc": 3.125,
  "fwhm_avg": 2.1264812214877566,
  "fwhm_x": 2.0811033333333335,
  "fwhm_y": 2.3536766666666664,
  "fwhm_z": 1.9446636644632695,
  "gcor": 0.024358,
  "gsr_x": -0.028042808175086975,
  "gsr_y": 0.006678765639662743,
  "provenance": {
    "md5sum": "699da5ce0554f9a03c23d6f1d21d7cb1",
    "settings": {
      "fd_thres": 0.2,
      "testing": false
    },
    "software": "mriqc",
    "version": "22.0.0rc1",
    "webapi_port": null,
    "webapi_url": "https://mriqc.nimh.nih.gov/api/v1"
  },
  "size_t": 224,
  "size_x": 80,
  "size_y": 80,
  "size_z": 36,
  "snr": 5.210458949339663,
  "spacing_tr": 2.0,
  "spacing_x": 3.0,
  "spacing_y": 3.0,
  "spacing_z": 3.299999952316284,
  "summary_bg_k": 46.262311283278656,
  "summary_bg_mad": 49.27877624577364,
  "summary_bg_mean": 589.02099609375,
  "summary_bg_median": 48.215187072753906,
  "summary_bg_n": 163815.0,
  "summary_bg_p05": 4.5832198619842535,
  "summary_bg_p95": 3012.6397460937474,
  "summary_bg_stdv": 1847.5465087890625,
  "summary_fg_k": 1.1270582760921508,
  "summary_fg_mad": 4806.752760597895,
  "summary_fg_mean": 27497.80078125,
  "summary_fg_median": 26983.162109375,
  "summary_fg_n": 27389.0,
  "summary_fg_p05": 19918.84453125,
  "summary_fg_p95": 36409.82109375,
  "summary_fg_stdv": 5178.55908203125,
  "tsnr": 89.62416076660156
}