{
  "bids_meta": {
    "AcquisitionNumber": 2,
    "BidsifyVersion": "0.3.5",
    "ConversionSoftware": "dcm2niix",
    "ConversionSoftwareVersion": "v1.0.20181125  GCC6.3.0",
    "EchoTime": 0.00383,
    "ImageComments": "PIOP2",
    "ImageOrientationPatientDICOM": [
      0.999276,
      -0.0377923,
      0.00432312,
      0.0364672,
      0.984114,
      0.17375
    ],
    "Manufacturer": "Philips",
    "NumberSignalAcquisitions": 2,
    "PatientPosition": "HFS",
    "PhilipsRescaleIntercept": 0,
    "PhilipsRescaleSlope": 8.16166,
    "PhilipsScaleSlope": 0.00753696,
    "ProtocolName": "WIPT1anat_acq-6m_T1wSENSE",
    "ReconMatrixPE": 240,
    "RepetitionTime": 0.008302,
    "SeriesDescription": "ImageMRSERIES",
    "SeriesNumber": 2,
    "UsePhilipsFloatNotDisplayScaling": 1,
    "dataset": "ds002790",
    "modality": "T1w",
    "subject_id": "0019"
  },
  "cjv": 0.271699838981206,
  "cnr": 4.681195724613339,
  "efc": 0.7527021670200511,
  "fber": 1801.6334228515625,
  "fwhm_avg": 4.659573429235027,
  "fwhm_x": 4.32999,
  "fwhm_y": 4.826890287705081,
  "fwhm_z": 4.82184,
  "icvs_csf": 0.2726485699384247,
  "icvs_gm": 0.3753475239476172,
  "icvs_wm": 0.3520039061139581,
  "inu_med": 1.6705060005187988,
  "inu_range": 0.3170518636703492,
  "provenance": {
    "md5sum": "2ecbde38d74abb01ddc15eda06068d67",
    "settings": {
      "testing": false
    },
    "software": "mriqc",
    "version": "22.0.0rc1",
    "warnings": {
      "large_rot_frame": true,
      "small_air_mask": true
    },
    "webapi_port": null,
    "webapi_url": "https://mriqc.nimh.nih.gov/api/v1"
  },
  "qi_1": 0.0,
  "qi_2": 6.397145360633088e-05,
  "rpve_csf": 27.33849974664495,
  "rpve_gm": 18.29521738621807,
  "rpve_wm": 25.812723841956835,
  "size_x": 240,
  "size_y": 240,
  "size_z": 220,
  "snr_csf": 3.450390090627254,
  "snr_gm": 10.363233070746327,
  "snr_total": 13.573434283973745,
  "snr_wm": 26.90667969054765,
  "snrd_csf": 24.50782992741836,
  "snrd_gm": 54.01327212092811,
  "snrd_total": 53.692031154449374,
  "snrd_wm": 82.55499141500165,
  "spacing_x": 1.0,
  "spacing_y": 0.9999999403953552,
  "spacing_z": 1.0,
  "summary_bg_k": 28.70458933747185,
  "summary_bg_mad": 7.935714213613625,
  "summary_bg_mean": 9.153122901916504,
  "summary_bg_median": 5.473752021789551,
  "summary_bg_n": 174078.0,
  "summary_bg_p05": 0.0,
  "summary_bg_p95": 22.01858224868774,
  "summary_bg_stdv": 9.360382080078125,
  "summary_csf_k": -0.12116736569902331,
  "summary_csf_mad": 83.4632022896197,
  "summary_csf_mean": 285.9294738769531,
  "summary_csf_median": 296.8651123046875,
  "summary_csf_n": 16741.0,
  "summary_csf_p05": 130.7477569580078,
  "summary_csf_p95": 413.14617919921875,
  "summary_csf_stdv": 86.03556060791016,
  "summary_gm_k": 0.3509340624439603,
  "summary_gm_mad": 60.23904028573188,
  "summary_gm_mean": 658.1595458984375,
  "summary_gm_median": 654.2666625976562,
  "summary_gm_n": 20319.0,
  "summary_gm_p05": 562.0477294921875,
  "summary_gm_p95": 767.8785095214844,
  "summary_gm_stdv": 63.13189697265625,
  "summary_wm_k": 1.0027005777518907,
  "summary_wm_mad": 33.69517590837072,
  "summary_wm_mean": 997.7125244140625,
  "summary_wm_median": 999.9945678710938,
  "summary_wm_n": 174472.0,
  "summary_wm_p05": 931.4565155029297,
  "summary_wm_p95": 1053.62197265625,
  "summary_wm_stdv": 37.165184020996094,
  "tpm_overlap_csf": 0.16238416731357574,
  "tpm_overlap_gm": 0.43916240334510803,
  "tpm_overlap_wm": 0.5145313143730164,
  "wm2max": 0.7469631631278155
}