{
  "aor": 0.0016076855895196505,
  "aqi": 0.0043001272489082976,
  "bids_meta": {
    "AcquisitionNumber": 7,
    "BidsifyVersion": "0.3.5",
    "ConversionSoftware": "dcm2niix",
    "ConversionSoftwareVersion": "v1.0.20181125  GCC6.3.0",
    "EchoTime": 0.02763,
    "EffectiveEchoSpacing": 0.0006909035636805814,
    "FlipAngle": 76.1,
    "ImageComments": "PIOP2",
    "ImageOrientationPatientDICOM": [
      0.996258,
      -0.000874009,
      0.0864233,
      0.0119983,
      0.991665,
      -0.128283
    ],
    "Manufacturer": "Philips",
    "NumberOfVolumesDiscardedByScanner": 2,
    "ParallelAcquisitionTechnique": "SENSE",
    "ParallelReductionFactorInPlane": 2,
    "PatientPosition": "HFS",
    "PhaseEncodingDirection": "j",
    "PhilipsRescaleIntercept": 0,
    "PhilipsRescaleSlope": 0.77729,
    "PhilipsScaleSlope": 0.0656594,
    "ProtocolName": "WIPtask-stop_boldSENSE",
    "PulseSequenceType": "gradient echo EPI",
    "ReconMatrixPE": 80,
    "RepetitionTime": 2,
    "SeriesDescription": "ImageMRSERIES",
    "SeriesNumber": 7,
    "SliceEncodingDirection": "k",
    "SliceTiming": [
      0.0,
      0.0556,
      0.1111,
      0.1667,
      0.2222,
      0.2778,
      0.3333,
      0.3889,
      0.4444,
      0.5,
      0.5556,
      0.6111,
      0.6667,
      0.7222,
      0.7778,
      0.8333,
      0.8889,
      0.9444,
      1.0,
      1.0556,
      1.1111,
      1.1667,
      1.2222,
      1.2778,
      1.3333,
      1.3889,
      1.4444,
      1.5,
      1.5556,
      1.6111,
      1.6667,
      1.7222,
      1.7778,
      1.8333,
      1.8889,
      1.9444
    ],
    "TaskName": "stopsignal",
    "TotalReadoutTime": 0.026945238983542674,
    "UsePhilipsFloatNotDisplayScaling": 1,
    "WaterFatShift": 12,
    "acq_id": "seq",
    "dataset": "ds002790",
    "modality": "bold",
    "subject_id": "0113",
    "task_id": "stopsignal"
  },
  "dummy_trs": 0,
  "dvars_nstd": 18.08477642254386,
  "dvars_std": 1.2179782572368425,
  "dvars_vstd": 0.984588841008772,
  "efc": 0.4476265077546486,
  "fber": 166290.28125,
  "fd_mean": 0.12032871610443237,
  "fd_num": 21,
  "fd_perc": 9.170305676855895,
  "fwhm_avg": 1.952267483484235,
  "fwhm_x": 1.9220300000000001,
  "fwhm_y": 2.1208633333333333,
  "fwhm_z": 1.8139091171193717,
  "gcor": 0.0262161,
  "gsr_x": -0.011122426018118858,
  "gsr_y": 0.009107908234000206,
  "provenance": {
    "md5sum": "56620ea766e98442cfb3b1aad4a2b1fe",
    "settings": {
      "fd_thres": 0.2,
      "testing": false
    },
    "software": "mriqc",
    "version": "22.0.0rc1",
    "webapi_port": null,
    "webapi_url": "https://mriqc.nimh.nih.gov/api/v1"
  },
  "size_t": 229,
  "size_x": 80,
  "size_y": 80,
  "size_z": 36,
  "snr": 6.0525497654141915,
  "spacing_tr": 2.0,
  "spacing_x": 3.0,
  "spacing_y": 3.0,
  "spacing_z": 3.299999952316284,
  "summary_bg_k": 36.46956980441758,
  "summary_bg_mad": 64.23969484964789,
  "summary_bg_mean": 698.5130615234375,
  "summary_bg_median": 58.27584457397461,
  "summary_bg_n": 153063.0,
  "summary_bg_p05": 5.643381118774414,
  "summary_bg_p95": 4147.1861816406235,
  "summary_bg_stdv": 1884.5201416015625,
  "summary_fg_k": 1.1633801834505553,
  "summary_fg_mad": 3846.6939835753374,
  "summary_fg_mean": 24400.1484375,
  "summary_fg_median": 24115.8828125,
  "summary_fg_n": 37014.0,
  "summary_fg_p05": 18510.64677734375,
  "summary_fg_p95": 30927.63857421875,
  "summary_fg_stdv": 3984.36328125,
  "tsnr": 89.5523452758789
}