{
  "aor": 0.005614222222222222,
  "aqi": 0.00841504222222222,
  "bids_meta": {
    "AcquisitionNumber": 8,
    "BidsifyVersion": "0.3.5",
    "ConversionSoftware": "dcm2niix",
    "ConversionSoftwareVersion": "v1.0.20181125  GCC6.3.0",
    "EchoTime": 0.02763,
    "EffectiveEchoSpacing": 0.0006909035636805814,
    "FlipAngle": 76.1,
    "ImageComments": "PIOP2",
    "ImageOrientationPatientDICOM": [
      0.999615,
      0.0101986,
      0.0258211,
      -0.00924694,
      0.999283,
      -0.0367097
    ],
    "Manufacturer": "Philips",
    "NumberOfVolumesDiscardedByScanner": 2,
    "ParallelAcquisitionTechnique": "SENSE",
    "ParallelReductionFactorInPlane": 2,
    "PatientPosition": "HFS",
    "PhaseEncodingDirection": "j",
    "PhilipsRescaleIntercept": 0,
    "PhilipsRescaleSlope": 0.80415,
    "PhilipsScaleSlope": 0.0532268,
    "ProtocolName": "WIPtask-harriri_boldSENSE",
    "PulseSequenceType": "gradient echo EPI",
    "ReconMatrixPE": 80,
    "RepetitionTime": 2,
    "SeriesDescription": "ImageMRSERIES",
    "SeriesNumber": 8,
    "SliceEncodingDirection": "k",
    "SliceTiming": [
      0.0,
      0.0556,
      0.1111,
      0.1667,
      0.2222,
      0.2778,
      0.3333,
      0.3889,
      0.4444,
      0.5,
      0.5556,
      0.6111,
      0.6667,
      0.7222,
      0.7778,
      0.8333,
      0.8889,
      0.9444,
      1.0,
      1.0556,
      1.1111,
      1.1667,
      1.2222,
      1.2778,
      1.3333,
      1.3889,
      1.4444,
      1.5,
      1.5556,
      1.6111,
      1.6667,
      1.7222,
      1.7778,
      1.8333,
      1.8889,
      1.9444
    ],
    "TaskName": "emomatching",
    "TotalReadoutTime": 0.026945238983542674,
    "UsePhilipsFloatNotDisplayScaling": 1,
    "WaterFatShift": 12,
    "acq_id": "seq",
    "dataset": "ds002790",
    "modality": "bold",
    "subject_id": "0029",
    "task_id": "emomatching"
  },
  "dummy_trs": 0,
  "dvars_nstd": 25.772057817611948,
  "dvars_std": 1.4029012826865672,
  "dvars_vstd": 1.0514793088805972,
  "efc": 0.4799291454304454,
  "fber": 181477.640625,
  "fd_mean": 0.13374525662646963,
  "fd_num": 16,
  "fd_perc": 11.851851851851851,
  "fwhm_avg": 1.8697001092216399,
  "fwhm_x": 1.8271166666666667,
  "fwhm_y": 2.07712,
  "fwhm_z": 1.7048636609982528,
  "gcor": 0.0324964,
  "gsr_x": -0.02137763425707817,
  "gsr_y": 0.03541116043925285,
  "provenance": {
    "md5sum": "c91b5ad66b7c7bf69f52f7c26df0d019",
    "settings": {
      "fd_thres": 0.2,
      "testing": false
    },
    "software": "mriqc",
    "version": "22.0.0rc1",
    "webapi_port": null,
    "webapi_url": "https://mriqc.nimh.nih.gov/api/v1"
  },
  "size_t": 135,
  "size_x": 80,
  "size_y": 80,
  "size_z": 36,
  "snr": 6.005642910917972,
  "spacing_tr": 2.0,
  "spacing_x": 3.0,
  "spacing_y": 3.0,
  "spacing_z": 3.299999952316284,
  "summary_bg_k": 44.66831492755288,
  "summary_bg_mad": 67.57319778593569,
  "summary_bg_mean": 937.5862426757812,
  "summary_bg_median": 58.49859619140625,
  "summary_bg_n": 146740.0,
  "summary_bg_p05": 5.811083769798279,
  "summary_bg_p95": 5309.59377441406,
  "summary_bg_stdv": 2482.83349609375,
  "summary_fg_k": 2.9447248424713894,
  "summary_fg_mad": 3726.672700855376,
  "summary_fg_mean": 25796.115234375,
  "summary_fg_median": 25425.94921875,
  "summary_fg_n": 41904.0,
  "summary_fg_p05": 19785.5044921875,
  "summary_fg_p95": 32498.41123046875,
  "summary_fg_stdv": 4233.6259765625,
  "tsnr": 77.4981689453125
}