{
  "aor": 0.001938878923766816,
  "aqi": 0.01143899865470852,
  "bids_meta": {
    "AcquisitionNumber": 7,
    "BidsifyVersion": "0.3.5",
    "ConversionSoftware": "dcm2niix",
    "ConversionSoftwareVersion": "v1.0.20181125  GCC6.3.0",
    "EchoTime": 0.02763,
    "EffectiveEchoSpacing": 0.0006909035636805814,
    "FlipAngle": 76.1,
    "ImageComments": "PIOP2",
    "ImageOrientationPatientDICOM": [
      0.999615,
      0.0101986,
      0.0258211,
      -0.00924694,
      0.999283,
      -0.0367097
    ],
    "Manufacturer": "Philips",
    "NumberOfVolumesDiscardedByScanner": 2,
    "ParallelAcquisitionTechnique": "SENSE",
    "ParallelReductionFactorInPlane": 2,
    "PatientPosition": "HFS",
    "PhaseEncodingDirection": "j",
    "PhilipsRescaleIntercept": 0,
    "PhilipsRescaleSlope": 0.78559,
    "PhilipsScaleSlope": 0.0518555,
    "ProtocolName": "WIPtask-stop_boldSENSE",
    "PulseSequenceType": "gradient echo EPI",
    "ReconMatrixPE": 80,
    "RepetitionTime": 2,
    "SeriesDescription": "ImageMRSERIES",
    "SeriesNumber": 7,
    "SliceEncodingDirection": "k",
    "SliceTiming": [
      0.0,
      0.0556,
      0.1111,
      0.1667,
      0.2222,
      0.2778,
      0.3333,
      0.3889,
      0.4444,
      0.5,
      0.5556,
      0.6111,
      0.6667,
      0.7222,
      0.7778,
      0.8333,
      0.8889,
      0.9444,
      1.0,
      1.0556,
      1.1111,
      1.1667,
      1.2222,
      1.2778,
      1.3333,
      1.3889,
      1.4444,
      1.5,
      1.5556,
      1.6111,
      1.6667,
      1.7222,
      1.7778,
      1.8333,
      1.8889,
      1.9444
    ],
    "TaskName": "stopsignal",
    "TotalReadoutTime": 0.026945238983542674,
    "UsePhilipsFloatNotDisplayScaling": 1,
    "WaterFatShift": 12,
    "acq_id": "seq",
    "dataset": "ds002790",
    "modality": "bold",
    "subject_id": "0029",
    "task_id": "stopsignal"
  },
  "dummy_trs": 0,
  "dvars_nstd": 25.624710117252263,
  "dvars_std": 1.2705327851801786,
  "dvars_vstd": 0.9731798773423422,
  "efc": 0.47877962993484324,
  "fber": 178046.703125,
  "fd_mean": 0.13189356697005825,
  "fd_num": 25,
  "fd_perc": 11.210762331838565,
  "fwhm_avg": 1.8871550588356456,
  "fwhm_x": 1.8436199999999998,
  "fwhm_y": 2.0882633333333334,
  "fwhm_z": 1.729581843173603,
  "gcor": 0.0185888,
  "gsr_x": -0.02123715914785862,
  "gsr_y": 0.035756666213274,
  "provenance": {
    "md5sum": "3bf4b77f57be683efc0d927a9c4127c1",
    "settings": {
      "fd_thres": 0.2,
      "testing": false
    },
    "software": "mriqc",
    "version": "22.0.0rc1",
    "webapi_port": null,
    "webapi_url": "https://mriqc.nimh.nih.gov/api/v1"
  },
  "size_t": 223,
  "size_x": 80,
  "size_y": 80,
  "size_z": 36,
  "snr": 5.954696747925478,
  "spacing_tr": 2.0,
  "spacing_x": 3.0,
  "spacing_y": 3.0,
  "spacing_z": 3.299999952316284,
  "summary_bg_k": 46.72858359724942,
  "summary_bg_mad": 68.24753778110129,
  "summary_bg_mean": 932.1679077148438,
  "summary_bg_median": 59.45100402832031,
  "summary_bg_n": 146874.0,
  "summary_bg_p05": 6.134973192214967,
  "summary_bg_p95": 5251.305615234376,
  "summary_bg_stdv": 2474.828369140625,
  "summary_fg_k": 2.8853935931571213,
  "summary_fg_mad": 3798.2126014594587,
  "summary_fg_mean": 26087.169921875,
  "summary_fg_median": 25694.52734375,
  "summary_fg_n": 41787.0,
  "summary_fg_p05": 19992.3701171875,
  "summary_fg_p95": 33018.2765625,
  "summary_fg_stdv": 4314.9501953125,
  "tsnr": 69.64474487304688
}