{
  "aor": 0.0025475625,
  "aqi": 0.0074264589375,
  "bids_meta": {
    "AcquisitionNumber": 3,
    "BidsifyVersion": "0.3.5",
    "ConversionSoftware": "dcm2niix",
    "ConversionSoftwareVersion": "v1.0.20181125  GCC6.3.0",
    "EchoTime": 0.02763,
    "EffectiveEchoSpacing": 0.0006909035636805814,
    "FlipAngle": 76.1,
    "ImageComments": "PIOP2",
    "ImageOrientationPatientDICOM": [
      0.999743,
      -0.0226365,
      0.00112636,
      0.0225128,
      0.986083,
      -0.16472
    ],
    "Manufacturer": "Philips",
    "NumberOfVolumesDiscardedByScanner": 2,
    "ParallelAcquisitionTechnique": "SENSE",
    "ParallelReductionFactorInPlane": 2,
    "PatientPosition": "HFS",
    "PhaseEncodingDirection": "j",
    "PhilipsRescaleIntercept": 0,
    "PhilipsRescaleSlope": 0.75629,
    "PhilipsScaleSlope": 0.0658806,
    "ProtocolName": "WIPtask-wm_boldSENSE",
    "PulseSequenceType": "gradient echo EPI",
    "ReconMatrixPE": 80,
    "RepetitionTime": 2,
    "SeriesDescription": "ImageMRSERIES",
    "SeriesNumber": 3,
    "SliceEncodingDirection": "k",
    "SliceTiming": [
      0.0,
      0.0556,
      0.1111,
      0.1667,
      0.2222,
      0.2778,
      0.3333,
      0.3889,
      0.4444,
      0.5,
      0.5556,
      0.6111,
      0.6667,
      0.7222,
      0.7778,
      0.8333,
      0.8889,
      0.9444,
      1.0,
      1.0556,
      1.1111,
      1.1667,
      1.2222,
      1.2778,
      1.3333,
      1.3889,
      1.4444,
      1.5,
      1.5556,
      1.6111,
      1.6667,
      1.7222,
      1.7778,
      1.8333,
      1.8889,
      1.9444
    ],
    "TaskName": "workingmemory",
    "TotalReadoutTime": 0.026945238983542674,
    "UsePhilipsFloatNotDisplayScaling": 1,
    "WaterFatShift": 12,
    "acq_id": "seq",
    "dataset": "ds002790",
    "modality": "bold",
    "subject_id": "0149",
    "task_id": "workingmemory"
  },
  "dummy_trs": 0,
  "dvars_nstd": 21.78228403477988,
  "dvars_std": 1.2406611257232691,
  "dvars_vstd": 0.9831455866037729,
  "efc": 0.417706933593923,
  "fber": 194449.84375,
  "fd_mean": 0.12032494876336358,
  "fd_num": 7,
  "fd_perc": 4.375,
  "fwhm_avg": 1.833551624231651,
  "fwhm_x": 1.8098833333333333,
  "fwhm_y": 2.015286666666667,
  "fwhm_z": 1.6754848726949527,
  "gcor": 0.00889891,
  "gsr_x": -0.01017654687166214,
  "gsr_y": 0.005185367539525032,
  "provenance": {
    "md5sum": "f9ddd11035973bc2b64b2fb805989750",
    "settings": {
      "fd_thres": 0.2,
      "testing": false
    },
    "software": "mriqc",
    "version": "22.0.0rc1",
    "webapi_port": null,
    "webapi_url": "https://mriqc.nimh.nih.gov/api/v1"
  },
  "size_t": 160,
  "size_x": 80,
  "size_y": 80,
  "size_z": 36,
  "snr": 6.129447505428635,
  "spacing_tr": 2.0,
  "spacing_x": 3.0,
  "spacing_y": 3.0,
  "spacing_z": 3.299999952316284,
  "summary_bg_k": 60.57845724491419,
  "summary_bg_mad": 54.995797779045695,
  "summary_bg_mean": 529.5902099609375,
  "summary_bg_median": 52.04819869995117,
  "summary_bg_n": 157431.0,
  "summary_bg_p05": 7.582117795944214,
  "summary_bg_p95": 2273.6278076171875,
  "summary_bg_stdv": 1605.296630859375,
  "summary_fg_k": 1.2107027037182645,
  "summary_fg_mad": 3788.677036800203,
  "summary_fg_mean": 23524.220703125,
  "summary_fg_median": 23174.705078125,
  "summary_fg_n": 32921.0,
  "summary_fg_p05": 18157.24609375,
  "summary_fg_p95": 29777.123046875,
  "summary_fg_stdv": 3780.822509765625,
  "tsnr": 74.06775665283203
}