{
  "aor": 0.002247259259259259,
  "aqi": 0.004588754296296296,
  "bids_meta": {
    "AcquisitionNumber": 8,
    "BidsifyVersion": "0.3.5",
    "ConversionSoftware": "dcm2niix",
    "ConversionSoftwareVersion": "v1.0.20181125  GCC6.3.0",
    "EchoTime": 0.02763,
    "EffectiveEchoSpacing": 0.0006909035636805814,
    "FlipAngle": 76.1,
    "ImageComments": "PIOP2",
    "ImageOrientationPatientDICOM": [
      0.998759,
      0.0312003,
      -0.0388218,
      -0.037321,
      0.984989,
      -0.168533
    ],
    "Manufacturer": "Philips",
    "NumberOfVolumesDiscardedByScanner": 2,
    "ParallelAcquisitionTechnique": "SENSE",
    "ParallelReductionFactorInPlane": 2,
    "PatientPosition": "HFS",
    "PhaseEncodingDirection": "j",
    "PhilipsRescaleIntercept": 0,
    "PhilipsRescaleSlope": 0.79219,
    "PhilipsScaleSlope": 0.0599731,
    "ProtocolName": "WIPtask-harriri_boldSENSE",
    "PulseSequenceType": "gradient echo EPI",
    "ReconMatrixPE": 80,
    "RepetitionTime": 2,
    "SeriesDescription": "ImageMRSERIES",
    "SeriesNumber": 8,
    "SliceEncodingDirection": "k",
    "SliceTiming": [
      0.0,
      0.0556,
      0.1111,
      0.1667,
      0.2222,
      0.2778,
      0.3333,
      0.3889,
      0.4444,
      0.5,
      0.5556,
      0.6111,
      0.6667,
      0.7222,
      0.7778,
      0.8333,
      0.8889,
      0.9444,
      1.0,
      1.0556,
      1.1111,
      1.1667,
      1.2222,
      1.2778,
      1.3333,
      1.3889,
      1.4444,
      1.5,
      1.5556,
      1.6111,
      1.6667,
      1.7222,
      1.7778,
      1.8333,
      1.8889,
      1.9444
    ],
    "TaskName": "emomatching",
    "TotalReadoutTime": 0.026945238983542674,
    "UsePhilipsFloatNotDisplayScaling": 1,
    "WaterFatShift": 12,
    "acq_id": "seq",
    "dataset": "ds002790",
    "modality": "bold",
    "subject_id": "0105",
    "task_id": "emomatching"
  },
  "dummy_trs": 0,
  "dvars_nstd": 17.396765146716415,
  "dvars_std": 1.2326887049999997,
  "dvars_vstd": 1.001834342313433,
  "efc": 0.4376295620758627,
  "fber": 206125.9375,
  "fd_mean": 0.0953307856286649,
  "fd_num": 1,
  "fd_perc": 0.7407407407407407,
  "fwhm_avg": 2.098016474016264,
  "fwhm_x": 2.03796,
  "fwhm_y": 2.31075,
  "fwhm_z": 1.9453394220487916,
  "gcor": 0.0260492,
  "gsr_x": -0.018399478867650032,
  "gsr_y": 0.01563386432826519,
  "provenance": {
    "md5sum": "528a6fad32e474d62d1660f76364bc70",
    "settings": {
      "fd_thres": 0.2,
      "testing": false
    },
    "software": "mriqc",
    "version": "22.0.0rc1",
    "webapi_port": null,
    "webapi_url": "https://mriqc.nimh.nih.gov/api/v1"
  },
  "size_t": 135,
  "size_x": 80,
  "size_y": 80,
  "size_z": 36,
  "snr": 7.096852429798386,
  "spacing_tr": 2.0,
  "spacing_x": 3.0,
  "spacing_y": 3.0,
  "spacing_z": 3.299999952316284,
  "summary_bg_k": 38.74048571056482,
  "summary_bg_mad": 65.16522544847953,
  "summary_bg_mean": 824.1307373046875,
  "summary_bg_median": 58.344337463378906,
  "summary_bg_n": 156553.0,
  "summary_bg_p05": 8.095292282104493,
  "summary_bg_p95": 4517.808496093749,
  "summary_bg_stdv": 2150.075439453125,
  "summary_fg_k": 1.7631730364789728,
  "summary_fg_mad": 3412.510159466277,
  "summary_fg_mean": 26996.869140625,
  "summary_fg_median": 26772.234375,
  "summary_fg_n": 33767.0,
  "summary_fg_p05": 21316.89296875,
  "summary_fg_p95": 33202.756640625,
  "summary_fg_stdv": 3772.353759765625,
  "tsnr": 97.78272247314453
}