{
  "aor": 0.0064775,
  "aqi": 0.01246988775,
  "bids_meta": {
    "AcquisitionNumber": 4,
    "BidsifyVersion": "0.3.5",
    "ConversionSoftware": "dcm2niix",
    "ConversionSoftwareVersion": "v1.0.20181125  GCC6.3.0",
    "EchoTime": 0.02763,
    "EffectiveEchoSpacing": 0.0006909035636805814,
    "FlipAngle": 76.1,
    "ImageComments": "PIOP2",
    "ImageOrientationPatientDICOM": [
      0.997341,
      0.0705838,
      -0.0181337,
      -0.0683417,
      0.99227,
      0.10358
    ],
    "Manufacturer": "Philips",
    "NumberOfVolumesDiscardedByScanner": 2,
    "ParallelAcquisitionTechnique": "SENSE",
    "ParallelReductionFactorInPlane": 2,
    "PatientPosition": "HFS",
    "PhaseEncodingDirection": "j",
    "PhilipsRescaleIntercept": 0,
    "PhilipsRescaleSlope": 0.75092,
    "PhilipsScaleSlope": 0.0522988,
    "ProtocolName": "WIPtask-wm_boldSENSE",
    "PulseSequenceType": "gradient echo EPI",
    "ReconMatrixPE": 80,
    "RepetitionTime": 2,
    "SeriesDescription": "ImageMRSERIES",
    "SeriesNumber": 4,
    "SliceEncodingDirection": "k",
    "SliceTiming": [
      0.0,
      0.0556,
      0.1111,
      0.1667,
      0.2222,
      0.2778,
      0.3333,
      0.3889,
      0.4444,
      0.5,
      0.5556,
      0.6111,
      0.6667,
      0.7222,
      0.7778,
      0.8333,
      0.8889,
      0.9444,
      1.0,
      1.0556,
      1.1111,
      1.1667,
      1.2222,
      1.2778,
      1.3333,
      1.3889,
      1.4444,
      1.5,
      1.5556,
      1.6111,
      1.6667,
      1.7222,
      1.7778,
      1.8333,
      1.8889,
      1.9444
    ],
    "TaskName": "workingmemory",
    "TotalReadoutTime": 0.026945238983542674,
    "UsePhilipsFloatNotDisplayScaling": 1,
    "WaterFatShift": 12,
    "acq_id": "seq",
    "dataset": "ds002790",
    "modality": "bold",
    "subject_id": "0027",
    "task_id": "workingmemory"
  },
  "dummy_trs": 0,
  "dvars_nstd": 23.05735691238993,
  "dvars_std": 1.1611470991823905,
  "dvars_vstd": 0.952838213144654,
  "efc": 0.4251663853988255,
  "fber": 247565.875,
  "fd_mean": 0.2636223704312984,
  "fd_num": 97,
  "fd_perc": 60.625,
  "fwhm_avg": 2.0231071804746867,
  "fwhm_x": 2.0486633333333333,
  "fwhm_y": 2.2024399999999997,
  "fwhm_z": 1.8182182080907274,
  "gcor": 0.0134876,
  "gsr_x": -0.012577882036566734,
  "gsr_y": 0.009638736955821514,
  "provenance": {
    "md5sum": "f3724d262b81ccdc085d8c40379296a3",
    "settings": {
      "fd_thres": 0.2,
      "testing": false
    },
    "software": "mriqc",
    "version": "22.0.0rc1",
    "webapi_port": null,
    "webapi_url": "https://mriqc.nimh.nih.gov/api/v1"
  },
  "size_t": 160,
  "size_x": 80,
  "size_y": 80,
  "size_z": 36,
  "snr": 5.04227025911463,
  "spacing_tr": 2.0,
  "spacing_x": 3.0,
  "spacing_y": 3.0,
  "spacing_z": 3.299999952316284,
  "summary_bg_k": 50.88831613388869,
  "summary_bg_mad": 60.33205145558399,
  "summary_bg_mean": 485.0293884277344,
  "summary_bg_median": 52.78094482421875,
  "summary_bg_n": 153794.0,
  "summary_bg_p05": 3.2446318149566657,
  "summary_bg_p95": 2448.013684082032,
  "summary_bg_stdv": 1462.8839111328125,
  "summary_fg_k": 1.8973884345201144,
  "summary_fg_mad": 4717.686590604154,
  "summary_fg_mean": 27228.623046875,
  "summary_fg_median": 26457.853515625,
  "summary_fg_n": 36273.0,
  "summary_fg_p05": 20329.423828125,
  "summary_fg_p95": 36533.067187500004,
  "summary_fg_stdv": 5247.13818359375,
  "tsnr": 54.408119201660156
}