{
  "aor": 0.012367291666666667,
  "aqi": 0.014343063250000001,
  "bids_meta": {
    "AcquisitionNumber": 5,
    "BidsifyVersion": "0.3.5",
    "ConversionSoftware": "dcm2niix",
    "ConversionSoftwareVersion": "v1.0.20181125  GCC6.3.0",
    "EchoTime": 0.02763,
    "EffectiveEchoSpacing": 0.0006909035636805814,
    "FlipAngle": 76.1,
    "ImageComments": "PIOP2",
    "ImageOrientationPatientDICOM": [
      0.997341,
      0.0705838,
      -0.0181337,
      -0.0683417,
      0.99227,
      0.10358
    ],
    "Manufacturer": "Philips",
    "NumberOfVolumesDiscardedByScanner": 2,
    "ParallelAcquisitionTechnique": "SENSE",
    "ParallelReductionFactorInPlane": 2,
    "PatientPosition": "HFS",
    "PhaseEncodingDirection": "j",
    "PhilipsRescaleIntercept": 0,
    "PhilipsRescaleSlope": 0.74799,
    "PhilipsScaleSlope": 0.0541424,
    "ProtocolName": "WIPtask-rest_boldSENSE",
    "PulseSequenceType": "gradient echo EPI",
    "ReconMatrixPE": 80,
    "RepetitionTime": 2,
    "SeriesDescription": "ImageMRSERIES",
    "SeriesNumber": 5,
    "SliceEncodingDirection": "k",
    "SliceTiming": [
      0.0,
      0.0556,
      0.1111,
      0.1667,
      0.2222,
      0.2778,
      0.3333,
      0.3889,
      0.4444,
      0.5,
      0.5556,
      0.6111,
      0.6667,
      0.7222,
      0.7778,
      0.8333,
      0.8889,
      0.9444,
      1.0,
      1.0556,
      1.1111,
      1.1667,
      1.2222,
      1.2778,
      1.3333,
      1.3889,
      1.4444,
      1.5,
      1.5556,
      1.6111,
      1.6667,
      1.7222,
      1.7778,
      1.8333,
      1.8889,
      1.9444
    ],
    "TaskName": "restingstate",
    "TotalReadoutTime": 0.026945238983542674,
    "UsePhilipsFloatNotDisplayScaling": 1,
    "WaterFatShift": 12,
    "acq_id": "seq",
    "dataset": "ds002790",
    "modality": "bold",
    "subject_id": "0027",
    "task_id": "restingstate"
  },
  "dummy_trs": 0,
  "dvars_nstd": 23.09026841815899,
  "dvars_std": 1.258800846610879,
  "dvars_vstd": 1.0491787776987445,
  "efc": 0.4251600005747082,
  "fber": 239027.640625,
  "fd_mean": 0.2514068031675564,
  "fd_num": 148,
  "fd_perc": 61.666666666666664,
  "fwhm_avg": 1.9834980894155099,
  "fwhm_x": 2.0005433333333333,
  "fwhm_y": 2.1628933333333333,
  "fwhm_z": 1.7870576015798627,
  "gcor": 0.0103979,
  "gsr_x": -0.01232947874814272,
  "gsr_y": 0.010656101629137993,
  "provenance": {
    "md5sum": "3222e02122d312befb8e924b68241891",
    "settings": {
      "fd_thres": 0.2,
      "testing": false
    },
    "software": "mriqc",
    "version": "22.0.0rc1",
    "webapi_port": null,
    "webapi_url": "https://mriqc.nimh.nih.gov/api/v1"
  },
  "size_t": 240,
  "size_x": 80,
  "size_y": 80,
  "size_z": 36,
  "snr": 5.240435138551868,
  "spacing_tr": 2.0,
  "spacing_x": 3.0,
  "spacing_y": 3.0,
  "spacing_z": 3.299999952316284,
  "summary_bg_k": 50.94743389040467,
  "summary_bg_mad": 62.970229708113315,
  "summary_bg_mean": 486.9003601074219,
  "summary_bg_median": 53.4690055847168,
  "summary_bg_n": 154001.0,
  "summary_bg_p05": 3.261902093887329,
  "summary_bg_p95": 2501.485595703125,
  "summary_bg_stdv": 1440.295166015625,
  "summary_fg_k": 1.7258062698798788,
  "summary_fg_mad": 4524.799173264337,
  "summary_fg_mean": 27163.685546875,
  "summary_fg_median": 26430.796875,
  "summary_fg_n": 36164.0,
  "summary_fg_p05": 20460.25869140625,
  "summary_fg_p95": 36140.30234375,
  "summary_fg_stdv": 5043.556640625,
  "tsnr": 54.05348205566406
}