{
  "bids_meta": {
    "AcquisitionNumber": 2,
    "BidsifyVersion": "0.3.5",
    "ConversionSoftware": "dcm2niix",
    "ConversionSoftwareVersion": "v1.0.20181125  GCC6.3.0",
    "EchoTime": 0.00374,
    "ImageComments": "PIOP2",
    "ImageOrientationPatientDICOM": [
      0.999928,
      0.0109774,
      0.00489893,
      -0.0108207,
      0.999463,
      -0.0309422
    ],
    "Manufacturer": "Philips",
    "NumberSignalAcquisitions": 2,
    "PatientPosition": "HFS",
    "PhilipsRescaleIntercept": 0,
    "PhilipsRescaleSlope": 8.93211,
    "PhilipsScaleSlope": 0.00778295,
    "ProtocolName": "WIPT1anat_acq-6m_T1wSENSE",
    "ReconMatrixPE": 240,
    "RepetitionTime": 0.00818,
    "SeriesDescription": "ImageMRSERIES",
    "SeriesNumber": 2,
    "UsePhilipsFloatNotDisplayScaling": 1,
    "dataset": "ds002790",
    "modality": "T1w",
    "subject_id": "0140"
  },
  "cjv": 0.2904919399911978,
  "cnr": 4.173896136347199,
  "efc": 0.7526642167774595,
  "fber": 1751.9246826171875,
  "fwhm_avg": 4.574436666666667,
  "fwhm_x": 4.22451,
  "fwhm_y": 4.76318,
  "fwhm_z": 4.73562,
  "icvs_csf": 0.26170343939980734,
  "icvs_gm": 0.37299030739729966,
  "icvs_wm": 0.36530625320289306,
  "inu_med": 1.5986727476119995,
  "inu_range": 0.3037258148193358,
  "provenance": {
    "md5sum": "2844bc5e7a4cf2d35a9d54c8ddcb7cd0",
    "settings": {
      "testing": false
    },
    "software": "mriqc",
    "version": "22.0.0rc1",
    "warnings": {
      "large_rot_frame": true,
      "small_air_mask": true
    },
    "webapi_port": null,
    "webapi_url": "https://mriqc.nimh.nih.gov/api/v1"
  },
  "qi_1": 0.0,
  "qi_2": 0.00010930616405354161,
  "rpve_csf": 24.381639518757503,
  "rpve_gm": 15.785181083008391,
  "rpve_wm": 21.80430739955888,
  "size_x": 240,
  "size_y": 240,
  "size_z": 220,
  "snr_csf": 2.9327610073438435,
  "snr_gm": 8.720666713428937,
  "snr_total": 12.430096552323596,
  "snr_wm": 25.63686193619801,
  "snrd_csf": 24.827608816617083,
  "snrd_gm": 55.73807591955327,
  "snrd_total": 55.501147381317026,
  "snrd_wm": 85.93775740778074,
  "spacing_x": 1.0,
  "spacing_y": 1.0,
  "spacing_z": 1.0,
  "summary_bg_k": 6.788630228830074,
  "summary_bg_mad": 7.623325985863194,
  "summary_bg_mean": 7.782641887664795,
  "summary_bg_median": 5.276406288146973,
  "summary_bg_n": 154620.0,
  "summary_bg_p05": 0.0,
  "summary_bg_p95": 16.266181278228757,
  "summary_bg_stdv": 5.983943462371826,
  "summary_csf_k": -0.6307489305388772,
  "summary_csf_mad": 106.45787947745953,
  "summary_csf_mean": 276.6325378417969,
  "summary_csf_median": 288.90008544921875,
  "summary_csf_n": 16744.0,
  "summary_csf_p05": 104.05320663452149,
  "summary_csf_p95": 420.19121551513666,
  "summary_csf_stdv": 98.50494384765625,
  "summary_gm_k": 0.8493988966396162,
  "summary_gm_mad": 67.95981078653244,
  "summary_gm_mean": 656.3317260742188,
  "summary_gm_median": 648.581787109375,
  "summary_gm_n": 24193.0,
  "summary_gm_p05": 550.6778076171875,
  "summary_gm_p95": 794.0720825195312,
  "summary_gm_stdv": 74.37142181396484,
  "summary_wm_k": 1.1381983330904921,
  "summary_wm_mad": 34.12220226757043,
  "summary_wm_mean": 997.97998046875,
  "summary_wm_median": 999.9926147460938,
  "summary_wm_n": 205243.0,
  "summary_wm_p05": 929.6867065429688,
  "summary_wm_p95": 1057.5894653320313,
  "summary_wm_stdv": 39.005950927734375,
  "tpm_overlap_csf": 0.17152941226959229,
  "tpm_overlap_gm": 0.4343653917312622,
  "tpm_overlap_wm": 0.5086299777030945,
  "wm2max": 0.8373942072669698
}