{
  "aor": 0.0017516250000000001,
  "aqi": 0.0031955897916666667,
  "bids_meta": {
    "AcquisitionNumber": 4,
    "BidsifyVersion": "0.3.5",
    "ConversionSoftware": "dcm2niix",
    "ConversionSoftwareVersion": "v1.0.20181125  GCC6.3.0",
    "EchoTime": 0.02763,
    "FlipAngle": 76.1,
    "ImageComments": "PIOP2",
    "ImageOrientationPatientDICOM": [
      0.999286,
      -0.0164735,
      -0.0340004,
      0.0177915,
      0.999087,
      0.0388351
    ],
    "Manufacturer": "Philips",
    "NumberOfVolumesDiscardedByScanner": 2,
    "ParallelAcquisitionTechnique": "SENSE",
    "ParallelReductionFactorInPlane": 2,
    "PatientPosition": "HFS",
    "PhaseEncodingDirection": "j",
    "PhilipsRescaleIntercept": 0,
    "PhilipsRescaleSlope": 0.78803,
    "PhilipsScaleSlope": 0.0585194,
    "ProtocolName": "WIPtask-rest_boldSENSE",
    "PulseSequenceType": "gradient echo EPI",
    "ReconMatrixPE": 80,
    "RepetitionTime": 2,
    "SeriesDescription": "ImageMRSERIES",
    "SeriesNumber": 4,
    "SliceEncodingDirection": "k",
    "TaskName": "restingstate",
    "UsePhilipsFloatNotDisplayScaling": 1,
    "WaterFatShift": 12,
    "acq_id": "seq",
    "dataset": "ds002790",
    "modality": "bold",
    "subject_id": "0213",
    "task_id": "restingstate"
  },
  "dummy_trs": 0,
  "dvars_nstd": 21.854711245439326,
  "dvars_std": 1.3962092413807532,
  "dvars_vstd": 1.0118437032635983,
  "efc": 0.47040199922945436,
  "fber": 172507.125,
  "fd_mean": 0.09311286066002633,
  "fd_num": 11,
  "fd_perc": 4.583333333333333,
  "fwhm_avg": 1.8908683920424643,
  "fwhm_x": 1.8406366666666667,
  "fwhm_y": 2.1286533333333333,
  "fwhm_z": 1.703315176127393,
  "gcor": 0.0371103,
  "gsr_x": -0.017854901030659676,
  "gsr_y": 0.022294126451015472,
  "provenance": {
    "md5sum": "9b14f3052580d7202b107a06b23a647a",
    "settings": {
      "fd_thres": 0.2,
      "testing": false
    },
    "software": "mriqc",
    "version": "23.0.1",
    "webapi_port": null,
    "webapi_url": "https://mriqc.nimh.nih.gov/api/v1"
  },
  "size_t": 240,
  "size_x": 80,
  "size_y": 80,
  "size_z": 36,
  "snr": 5.783225481344433,
  "spacing_tr": 2.0,
  "spacing_x": 3.0,
  "spacing_y": 3.0,
  "spacing_z": 3.299999952316284,
  "summary_bg_k": 69.45640834412268,
  "summary_bg_mad": 59.97277093588125,
  "summary_bg_mean": 530.4598388671875,
  "summary_bg_median": 53.39659118652344,
  "summary_bg_n": 144861.0,
  "summary_bg_p05": 4.435960292816162,
  "summary_bg_p95": 2629.152099609375,
  "summary_bg_stdv": 1479.40087890625,
  "summary_fg_k": 2.2358683217435873,
  "summary_fg_mad": 3622.7529994557285,
  "summary_fg_mean": 23176.93359375,
  "summary_fg_median": 22792.220703125,
  "summary_fg_n": 43459.0,
  "summary_fg_p05": 17711.991796875,
  "summary_fg_p95": 29537.310937499995,
  "summary_fg_stdv": 3941.046142578125,
  "tsnr": 102.48623657226562
}