{
  "aor": 0.00224875,
  "aqi": 0.0028279077499999998,
  "bids_meta": {
    "AcquisitionNumber": 3,
    "BidsifyVersion": "0.3.5",
    "ConversionSoftware": "dcm2niix",
    "ConversionSoftwareVersion": "v1.0.20181125  GCC6.3.0",
    "EchoTime": 0.02763,
    "FlipAngle": 76.1,
    "ImageComments": "PIOP2",
    "ImageOrientationPatientDICOM": [
      0.999286,
      -0.0164735,
      -0.0340004,
      0.0177915,
      0.999087,
      0.0388351
    ],
    "Manufacturer": "Philips",
    "NumberOfVolumesDiscardedByScanner": 2,
    "ParallelAcquisitionTechnique": "SENSE",
    "ParallelReductionFactorInPlane": 2,
    "PatientPosition": "HFS",
    "PhaseEncodingDirection": "j",
    "PhilipsRescaleIntercept": 0,
    "PhilipsRescaleSlope": 0.78974,
    "PhilipsScaleSlope": 0.0575994,
    "ProtocolName": "WIPtask-wm_boldSENSE",
    "PulseSequenceType": "gradient echo EPI",
    "ReconMatrixPE": 80,
    "RepetitionTime": 2,
    "SeriesDescription": "ImageMRSERIES",
    "SeriesNumber": 3,
    "SliceEncodingDirection": "k",
    "TaskName": "workingmemory",
    "UsePhilipsFloatNotDisplayScaling": 1,
    "WaterFatShift": 12,
    "acq_id": "seq",
    "dataset": "ds002790",
    "modality": "bold",
    "subject_id": "0213",
    "task_id": "workingmemory"
  },
  "dummy_trs": 0,
  "dvars_nstd": 21.933257828679263,
  "dvars_std": 1.4204318408176104,
  "dvars_vstd": 1.0175772842138364,
  "efc": 0.46942149620710005,
  "fber": 176076.953125,
  "fd_mean": 0.07824052479386961,
  "fd_num": 0,
  "fd_perc": 0.0,
  "fwhm_avg": 1.9034631396350126,
  "fwhm_x": 1.85157,
  "fwhm_y": 2.1310466666666668,
  "fwhm_z": 1.7277727522383712,
  "gcor": 0.0299645,
  "gsr_x": -0.018013054504990578,
  "gsr_y": 0.022237297147512436,
  "provenance": {
    "md5sum": "f32098fd652cfcbe248f47e378f3f7f6",
    "settings": {
      "fd_thres": 0.2,
      "testing": false
    },
    "software": "mriqc",
    "version": "23.0.1",
    "webapi_port": null,
    "webapi_url": "https://mriqc.nimh.nih.gov/api/v1"
  },
  "size_t": 160,
  "size_x": 80,
  "size_y": 80,
  "size_z": 36,
  "snr": 5.706267881710162,
  "spacing_tr": 2.0,
  "spacing_x": 3.0,
  "spacing_y": 3.0,
  "spacing_z": 3.299999952316284,
  "summary_bg_k": 69.50710552592952,
  "summary_bg_mad": 60.60830095733522,
  "summary_bg_mean": 533.7452392578125,
  "summary_bg_median": 53.81944274902344,
  "summary_bg_n": 144988.0,
  "summary_bg_p05": 4.376996779441834,
  "summary_bg_p95": 2634.5592041015575,
  "summary_bg_stdv": 1498.2679443359375,
  "summary_fg_k": 2.090642515832819,
  "summary_fg_mad": 3758.104157458441,
  "summary_fg_mean": 23625.18359375,
  "summary_fg_median": 23224.0078125,
  "summary_fg_n": 43339.0,
  "summary_fg_p05": 17950.3091796875,
  "summary_fg_p95": 30303.590429687498,
  "summary_fg_stdv": 4069.864990234375,
  "tsnr": 111.40432739257812
}