{
  "aor": 0.002302370370370371,
  "aqi": 0.003159842074074074,
  "bids_meta": {
    "AcquisitionNumber": 8,
    "BidsifyVersion": "0.3.5",
    "ConversionSoftware": "dcm2niix",
    "ConversionSoftwareVersion": "v1.0.20181125  GCC6.3.0",
    "EchoTime": 0.02763,
    "FlipAngle": 76.1,
    "ImageComments": "PIOP2",
    "ImageOrientationPatientDICOM": [
      0.996271,
      0.0635535,
      -0.0583544,
      -0.064426,
      0.997835,
      -0.0131906
    ],
    "Manufacturer": "Philips",
    "NumberOfVolumesDiscardedByScanner": 2,
    "ParallelAcquisitionTechnique": "SENSE",
    "ParallelReductionFactorInPlane": 2,
    "PatientPosition": "HFS",
    "PhaseEncodingDirection": "j",
    "PhilipsRescaleIntercept": 0,
    "PhilipsRescaleSlope": 0.74652,
    "PhilipsScaleSlope": 0.0473205,
    "ProtocolName": "WIPtask-harriri_boldSENSE",
    "PulseSequenceType": "gradient echo EPI",
    "ReconMatrixPE": 80,
    "RepetitionTime": 2,
    "SeriesDescription": "ImageMRSERIES",
    "SeriesNumber": 8,
    "SliceEncodingDirection": "k",
    "TaskName": "emomatching",
    "UsePhilipsFloatNotDisplayScaling": 1,
    "WaterFatShift": 12,
    "acq_id": "seq",
    "dataset": "ds002790",
    "modality": "bold",
    "subject_id": "0212",
    "task_id": "emomatching"
  },
  "dummy_trs": 0,
  "dvars_nstd": 15.072508206865677,
  "dvars_std": 1.1106784734328352,
  "dvars_vstd": 0.9850936461194028,
  "efc": 0.4503632905258202,
  "fber": 214192.59375,
  "fd_mean": 0.09119017951295955,
  "fd_num": 2,
  "fd_perc": 1.4814814814814814,
  "fwhm_avg": 2.0435480896706255,
  "fwhm_x": 1.9969066666666666,
  "fwhm_y": 2.2937133333333333,
  "fwhm_z": 1.8400242690118769,
  "gcor": 0.019023,
  "gsr_x": -0.01322766114026308,
  "gsr_y": 0.019300198182463646,
  "provenance": {
    "md5sum": "98ee0321b80a1908ecbcb22921bb19ed",
    "settings": {
      "fd_thres": 0.2,
      "testing": false
    },
    "software": "mriqc",
    "version": "23.0.1",
    "webapi_port": null,
    "webapi_url": "https://mriqc.nimh.nih.gov/api/v1"
  },
  "size_t": 135,
  "size_x": 80,
  "size_y": 80,
  "size_z": 36,
  "snr": 5.217257619048873,
  "spacing_tr": 2.0,
  "spacing_x": 3.0,
  "spacing_y": 3.0,
  "spacing_z": 3.299999952316284,
  "summary_bg_k": 52.69883825531286,
  "summary_bg_mad": 61.43182997817422,
  "summary_bg_mean": 812.619384765625,
  "summary_bg_median": 58.493560791015625,
  "summary_bg_n": 151114.0,
  "summary_bg_p05": 5.623489832878112,
  "summary_bg_p95": 4846.5419433593825,
  "summary_bg_stdv": 2302.062255859375,
  "summary_fg_k": 2.2320802819681864,
  "summary_fg_mad": 4789.2424175992555,
  "summary_fg_mean": 28405.490234375,
  "summary_fg_median": 27778.716796875,
  "summary_fg_n": 37941.0,
  "summary_fg_p05": 21091.76953125,
  "summary_fg_p95": 37325.72265625,
  "summary_fg_stdv": 5324.3203125,
  "tsnr": 96.361083984375
}