{
  "aor": 0.0027179999999999995,
  "aqi": 0.003232892739130435,
  "bids_meta": {
    "AcquisitionNumber": 7,
    "BidsifyVersion": "0.3.5",
    "ConversionSoftware": "dcm2niix",
    "ConversionSoftwareVersion": "v1.0.20181125  GCC6.3.0",
    "EchoTime": 0.02763,
    "FlipAngle": 76.1,
    "ImageComments": "PIOP2",
    "ImageOrientationPatientDICOM": [
      0.996271,
      0.0635535,
      -0.0583544,
      -0.064426,
      0.997835,
      -0.0131906
    ],
    "Manufacturer": "Philips",
    "NumberOfVolumesDiscardedByScanner": 2,
    "ParallelAcquisitionTechnique": "SENSE",
    "ParallelReductionFactorInPlane": 2,
    "PatientPosition": "HFS",
    "PhaseEncodingDirection": "j",
    "PhilipsRescaleIntercept": 0,
    "PhilipsRescaleSlope": 0.73773,
    "PhilipsScaleSlope": 0.0465235,
    "ProtocolName": "WIPtask-stop_boldSENSE",
    "PulseSequenceType": "gradient echo EPI",
    "ReconMatrixPE": 80,
    "RepetitionTime": 2,
    "SeriesDescription": "ImageMRSERIES",
    "SeriesNumber": 7,
    "SliceEncodingDirection": "k",
    "TaskName": "stopsignal",
    "UsePhilipsFloatNotDisplayScaling": 1,
    "WaterFatShift": 12,
    "acq_id": "seq",
    "dataset": "ds002790",
    "modality": "bold",
    "subject_id": "0212",
    "task_id": "stopsignal"
  },
  "dummy_trs": 0,
  "dvars_nstd": 15.078367416637555,
  "dvars_std": 1.1216125929257645,
  "dvars_vstd": 0.9963916554148471,
  "efc": 0.4503100287349575,
  "fber": 216384.421875,
  "fd_mean": 0.10188053214541036,
  "fd_num": 10,
  "fd_perc": 4.3478260869565215,
  "fwhm_avg": 2.0340935441894437,
  "fwhm_x": 1.99495,
  "fwhm_y": 2.2728366666666666,
  "fwhm_z": 1.8344939659016632,
  "gcor": 0.0163895,
  "gsr_x": -0.013418101705610752,
  "gsr_y": 0.019011665135622025,
  "provenance": {
    "md5sum": "c83047c01298a1b46b7aac9be3feb11d",
    "settings": {
      "fd_thres": 0.2,
      "testing": false
    },
    "software": "mriqc",
    "version": "23.0.1",
    "webapi_port": null,
    "webapi_url": "https://mriqc.nimh.nih.gov/api/v1"
  },
  "size_t": 230,
  "size_x": 80,
  "size_y": 80,
  "size_z": 36,
  "snr": 5.253008370735339,
  "spacing_tr": 2.0,
  "spacing_x": 3.0,
  "spacing_y": 3.0,
  "spacing_z": 3.299999952316284,
  "summary_bg_k": 54.28968207654038,
  "summary_bg_mad": 61.9302437269481,
  "summary_bg_mean": 816.7258911132812,
  "summary_bg_median": 58.8869514465332,
  "summary_bg_n": 151090.0,
  "summary_bg_p05": 5.4478924751281745,
  "summary_bg_p95": 4823.606982421872,
  "summary_bg_stdv": 2309.52587890625,
  "summary_fg_k": 2.179025827038706,
  "summary_fg_mad": 4855.947934602174,
  "summary_fg_mean": 28783.474609375,
  "summary_fg_median": 28170.359375,
  "summary_fg_n": 37968.0,
  "summary_fg_p05": 21369.99970703125,
  "summary_fg_p95": 37752.12363281251,
  "summary_fg_stdv": 5362.63916015625,
  "tsnr": 94.74634552001953
}