{
  "aor": 0.0019965625,
  "aqi": 0.0040160650625,
  "bids_meta": {
    "AcquisitionNumber": 3,
    "BidsifyVersion": "0.3.5",
    "ConversionSoftware": "dcm2niix",
    "ConversionSoftwareVersion": "v1.0.20181125  GCC6.3.0",
    "EchoTime": 0.02763,
    "FlipAngle": 76.1,
    "ImageComments": "PIOP2",
    "ImageOrientationPatientDICOM": [
      0.996271,
      0.0635535,
      -0.0583544,
      -0.064426,
      0.997835,
      -0.0131906
    ],
    "Manufacturer": "Philips",
    "NumberOfVolumesDiscardedByScanner": 2,
    "ParallelAcquisitionTechnique": "SENSE",
    "ParallelReductionFactorInPlane": 2,
    "PatientPosition": "HFS",
    "PhaseEncodingDirection": "j",
    "PhilipsRescaleIntercept": 0,
    "PhilipsRescaleSlope": 0.76947,
    "PhilipsScaleSlope": 0.0440843,
    "ProtocolName": "WIPtask-wm_boldSENSE",
    "PulseSequenceType": "gradient echo EPI",
    "ReconMatrixPE": 80,
    "RepetitionTime": 2,
    "SeriesDescription": "ImageMRSERIES",
    "SeriesNumber": 3,
    "SliceEncodingDirection": "k",
    "TaskName": "workingmemory",
    "UsePhilipsFloatNotDisplayScaling": 1,
    "WaterFatShift": 12,
    "acq_id": "seq",
    "dataset": "ds002790",
    "modality": "bold",
    "subject_id": "0212",
    "task_id": "workingmemory"
  },
  "dummy_trs": 0,
  "dvars_nstd": 16.00669902830189,
  "dvars_std": 1.0758148529559737,
  "dvars_vstd": 0.9637674501886792,
  "efc": 0.4492213544343315,
  "fber": 216237.046875,
  "fd_mean": 0.12568559819957492,
  "fd_num": 7,
  "fd_perc": 4.375,
  "fwhm_avg": 2.0145585946303464,
  "fwhm_x": 1.9714866666666666,
  "fwhm_y": 2.2510133333333333,
  "fwhm_z": 1.821175783891039,
  "gcor": 0.0197474,
  "gsr_x": -0.01384215522557497,
  "gsr_y": 0.017288019880652428,
  "provenance": {
    "md5sum": "6c292e24b1cfba8f79ff40676e021419",
    "settings": {
      "fd_thres": 0.2,
      "testing": false
    },
    "software": "mriqc",
    "version": "23.0.1",
    "webapi_port": null,
    "webapi_url": "https://mriqc.nimh.nih.gov/api/v1"
  },
  "size_t": 160,
  "size_x": 80,
  "size_y": 80,
  "size_z": 36,
  "snr": 5.191168079947482,
  "spacing_tr": 2.0,
  "spacing_x": 3.0,
  "spacing_y": 3.0,
  "spacing_z": 3.299999952316284,
  "summary_bg_k": 52.52970096607833,
  "summary_bg_mad": 61.79943070809996,
  "summary_bg_mean": 812.58544921875,
  "summary_bg_median": 59.510711669921875,
  "summary_bg_n": 151245.0,
  "summary_bg_p05": 5.744659328460695,
  "summary_bg_p95": 4697.005468749998,
  "summary_bg_stdv": 2305.0078125,
  "summary_fg_k": 2.317225319900447,
  "summary_fg_mad": 4896.421237742903,
  "summary_fg_mean": 29010.876953125,
  "summary_fg_median": 28354.083984375,
  "summary_fg_n": 38051.0,
  "summary_fg_p05": 21526.0625,
  "summary_fg_p95": 38153.671875,
  "summary_fg_stdv": 5461.91357421875,
  "tsnr": 84.05305480957031
}