{
  "bids_meta": {
    "AcquisitionNumber": 2,
    "BidsifyVersion": "0.3.5",
    "ConversionSoftware": "dcm2niix",
    "ConversionSoftwareVersion": "v1.0.20181125  GCC6.3.0",
    "EchoTime": 0.00377,
    "ImageComments": "PIOP2",
    "ImageOrientationPatientDICOM": [
      0.998113,
      0.0585613,
      -0.0184813,
      -0.0572013,
      0.996106,
      0.0670929
    ],
    "Manufacturer": "Philips",
    "NumberSignalAcquisitions": 2,
    "PatientPosition": "HFS",
    "PhilipsRescaleIntercept": 0,
    "PhilipsRescaleSlope": 3.42222,
    "PhilipsScaleSlope": 0.00683227,
    "ProtocolName": "WIPT1anat_acq-6m_T1wSENSE",
    "ReconMatrixPE": 240,
    "RepetitionTime": 0.008203,
    "SeriesDescription": "ImageMRSERIES",
    "SeriesNumber": 2,
    "UsePhilipsFloatNotDisplayScaling": 1,
    "dataset": "ds002790",
    "modality": "T1w",
    "subject_id": "0067"
  },
  "cjv": 0.2527634695245997,
  "cnr": 4.940824711940087,
  "efc": 0.7372413229060886,
  "fber": 1958.453857421875,
  "fwhm_avg": 4.383783425943062,
  "fwhm_x": 3.98078,
  "fwhm_y": 4.50937,
  "fwhm_z": 4.661200277829187,
  "icvs_csf": 0.23178963370546268,
  "icvs_gm": 0.4109678134640457,
  "icvs_wm": 0.3572425528304916,
  "inu_med": 2.1493711471557617,
  "inu_range": 0.4578029870986937,
  "provenance": {
    "md5sum": "d8b4c70dd9445f380670e62473b55000",
    "settings": {
      "testing": false
    },
    "software": "mriqc",
    "version": "22.0.0rc1",
    "warnings": {
      "large_rot_frame": true,
      "small_air_mask": true
    },
    "webapi_port": null,
    "webapi_url": "https://mriqc.nimh.nih.gov/api/v1"
  },
  "qi_1": 0.0,
  "qi_2": 7.763370885208581e-05,
  "rpve_csf": 24.483934971213856,
  "rpve_gm": 14.281929887634275,
  "rpve_wm": 20.978398156074196,
  "size_x": 240,
  "size_y": 240,
  "size_z": 220,
  "snr_csf": 0.978185410367557,
  "snr_gm": 9.71502812030889,
  "snr_total": 11.141221440244095,
  "snr_wm": 22.730450790055833,
  "snrd_csf": 21.292371474844643,
  "snrd_gm": 57.62209788066235,
  "snrd_total": 57.51752173917411,
  "snrd_wm": 93.63809586201535,
  "spacing_x": 1.0,
  "spacing_y": 1.0,
  "spacing_z": 0.9999999403953552,
  "summary_bg_k": 333.9738078131567,
  "summary_bg_mad": 6.996403907282477,
  "summary_bg_mean": 8.456585884094238,
  "summary_bg_median": 4.8418731689453125,
  "summary_bg_n": 203827.0,
  "summary_bg_p05": 0.0,
  "summary_bg_p95": 19.774716567993153,
  "summary_bg_stdv": 10.616588592529297,
  "summary_csf_k": 82.00849283675905,
  "summary_csf_mad": 113.1981928425038,
  "summary_csf_mean": 253.8282928466797,
  "summary_csf_median": 227.3878173828125,
  "summary_csf_n": 13256.0,
  "summary_csf_p05": 90.37184143066406,
  "summary_csf_p95": 410.9759750366211,
  "summary_csf_stdv": 232.45004272460938,
  "summary_gm_k": 0.6070812930037568,
  "summary_gm_mad": 59.930466459736756,
  "summary_gm_mean": 617.77197265625,
  "summary_gm_median": 615.3641967773438,
  "summary_gm_n": 21551.0,
  "summary_gm_p05": 520.5458984375,
  "summary_gm_p95": 726.1575317382812,
  "summary_gm_stdv": 63.340003967285156,
  "summary_wm_k": 1.2898993988140024,
  "summary_wm_mad": 37.28892984548812,
  "summary_wm_mean": 994.7623901367188,
  "summary_wm_median": 999.9901733398438,
  "summary_wm_n": 213597.0,
  "summary_wm_p05": 912.330419921875,
  "summary_wm_p95": 1056.98759765625,
  "summary_wm_stdv": 43.99331283569336,
  "tpm_overlap_csf": 0.17369039356708527,
  "tpm_overlap_gm": 0.44459348917007446,
  "tpm_overlap_wm": 0.5228509902954102,
  "wm2max": 0.618028820595926
}