{
  "aor": 0.005000888888888888,
  "aqi": 0.003469930888888889,
  "bids_meta": {
    "AcquisitionNumber": 8,
    "BidsifyVersion": "0.3.5",
    "ConversionSoftware": "dcm2niix",
    "ConversionSoftwareVersion": "v1.0.20181125  GCC6.3.0",
    "EchoTime": 0.02763,
    "EffectiveEchoSpacing": 0.0006909035636805814,
    "FlipAngle": 76.1,
    "ImageComments": "PIOP2",
    "ImageOrientationPatientDICOM": [
      0.996155,
      0.0794517,
      -0.0369134,
      -0.0813738,
      0.995227,
      -0.0538662
    ],
    "Manufacturer": "Philips",
    "NumberOfVolumesDiscardedByScanner": 2,
    "ParallelAcquisitionTechnique": "SENSE",
    "ParallelReductionFactorInPlane": 2,
    "PatientPosition": "HFS",
    "PhaseEncodingDirection": "j",
    "PhilipsRescaleIntercept": 0,
    "PhilipsRescaleSlope": 0.78803,
    "PhilipsScaleSlope": 0.0585577,
    "ProtocolName": "WIPtask-harriri_boldSENSE",
    "PulseSequenceType": "gradient echo EPI",
    "ReconMatrixPE": 80,
    "RepetitionTime": 2,
    "SeriesDescription": "ImageMRSERIES",
    "SeriesNumber": 8,
    "SliceEncodingDirection": "k",
    "SliceTiming": [
      0.0,
      0.0556,
      0.1111,
      0.1667,
      0.2222,
      0.2778,
      0.3333,
      0.3889,
      0.4444,
      0.5,
      0.5556,
      0.6111,
      0.6667,
      0.7222,
      0.7778,
      0.8333,
      0.8889,
      0.9444,
      1.0,
      1.0556,
      1.1111,
      1.1667,
      1.2222,
      1.2778,
      1.3333,
      1.3889,
      1.4444,
      1.5,
      1.5556,
      1.6111,
      1.6667,
      1.7222,
      1.7778,
      1.8333,
      1.8889,
      1.9444
    ],
    "TaskName": "emomatching",
    "TotalReadoutTime": 0.026945238983542674,
    "UsePhilipsFloatNotDisplayScaling": 1,
    "WaterFatShift": 12,
    "acq_id": "seq",
    "dataset": "ds002790",
    "modality": "bold",
    "subject_id": "0129",
    "task_id": "emomatching"
  },
  "dummy_trs": 0,
  "dvars_nstd": 21.670084668656713,
  "dvars_std": 1.2462647188805964,
  "dvars_vstd": 1.0441437838059706,
  "efc": 0.4371256964719708,
  "fber": 148793.03125,
  "fd_mean": 0.18761439793394863,
  "fd_num": 40,
  "fd_perc": 29.62962962962963,
  "fwhm_avg": 1.9918282916496974,
  "fwhm_x": 1.9479633333333333,
  "fwhm_y": 2.1960366666666666,
  "fwhm_z": 1.8314848749490922,
  "gcor": 0.018679,
  "gsr_x": -0.0038721654564142227,
  "gsr_y": 0.014070011675357819,
  "provenance": {
    "md5sum": "673661bc021676b1b5dabe54cb3d082d",
    "settings": {
      "fd_thres": 0.2,
      "testing": false
    },
    "software": "mriqc",
    "version": "22.0.0rc1",
    "webapi_port": null,
    "webapi_url": "https://mriqc.nimh.nih.gov/api/v1"
  },
  "size_t": 135,
  "size_x": 80,
  "size_y": 80,
  "size_z": 36,
  "snr": 5.433665256750054,
  "spacing_tr": 2.0,
  "spacing_x": 3.0,
  "spacing_y": 3.0,
  "spacing_z": 3.299999952316284,
  "summary_bg_k": 41.25856126672585,
  "summary_bg_mad": 67.36117063589559,
  "summary_bg_mean": 640.9464111328125,
  "summary_bg_median": 60.17010498046875,
  "summary_bg_n": 153958.0,
  "summary_bg_p05": 6.470722961425782,
  "summary_bg_p95": 2938.2990112304688,
  "summary_bg_stdv": 1772.41552734375,
  "summary_fg_k": 1.7467761903525512,
  "summary_fg_mad": 4052.784379069991,
  "summary_fg_mean": 24223.5390625,
  "summary_fg_median": 23723.359375,
  "summary_fg_n": 35404.0,
  "summary_fg_p05": 18173.355859375,
  "summary_fg_p95": 31601.192578125,
  "summary_fg_stdv": 4365.93408203125,
  "tsnr": 87.39402770996094
}