{
  "aor": 0.0044933125,
  "aqi": 0.00466090175,
  "bids_meta": {
    "AcquisitionNumber": 3,
    "BidsifyVersion": "0.3.5",
    "ConversionSoftware": "dcm2niix",
    "ConversionSoftwareVersion": "v1.0.20181125  GCC6.3.0",
    "EchoTime": 0.02763,
    "EffectiveEchoSpacing": 0.0006909035636805814,
    "FlipAngle": 76.1,
    "ImageComments": "PIOP2",
    "ImageOrientationPatientDICOM": [
      0.99875,
      0.049226,
      0.00863051,
      -0.0486723,
      0.997265,
      -0.0556105
    ],
    "Manufacturer": "Philips",
    "NumberOfVolumesDiscardedByScanner": 2,
    "ParallelAcquisitionTechnique": "SENSE",
    "ParallelReductionFactorInPlane": 2,
    "PatientPosition": "HFS",
    "PhaseEncodingDirection": "j",
    "PhilipsRescaleIntercept": 0,
    "PhilipsRescaleSlope": 0.75629,
    "PhilipsScaleSlope": 0.0481868,
    "ProtocolName": "WIPtask-wm_boldSENSE",
    "PulseSequenceType": "gradient echo EPI",
    "ReconMatrixPE": 80,
    "RepetitionTime": 2,
    "SeriesDescription": "ImageMRSERIES",
    "SeriesNumber": 3,
    "SliceEncodingDirection": "k",
    "SliceTiming": [
      0.0,
      0.0556,
      0.1111,
      0.1667,
      0.2222,
      0.2778,
      0.3333,
      0.3889,
      0.4444,
      0.5,
      0.5556,
      0.6111,
      0.6667,
      0.7222,
      0.7778,
      0.8333,
      0.8889,
      0.9444,
      1.0,
      1.0556,
      1.1111,
      1.1667,
      1.2222,
      1.2778,
      1.3333,
      1.3889,
      1.4444,
      1.5,
      1.5556,
      1.6111,
      1.6667,
      1.7222,
      1.7778,
      1.8333,
      1.8889,
      1.9444
    ],
    "TaskName": "workingmemory",
    "TotalReadoutTime": 0.026945238983542674,
    "UsePhilipsFloatNotDisplayScaling": 1,
    "WaterFatShift": 12,
    "acq_id": "seq",
    "dataset": "ds002790",
    "modality": "bold",
    "subject_id": "0139",
    "task_id": "workingmemory"
  },
  "dummy_trs": 0,
  "dvars_nstd": 22.01409276899372,
  "dvars_std": 1.2479899891194974,
  "dvars_vstd": 0.9890884661006288,
  "efc": 0.41756947450953885,
  "fber": 241746.390625,
  "fd_mean": 0.16288624853579017,
  "fd_num": 32,
  "fd_perc": 20.0,
  "fwhm_avg": 2.197860413892572,
  "fwhm_x": 2.15523,
  "fwhm_y": 2.392863333333333,
  "fwhm_z": 2.0454879083443833,
  "gcor": 0.0194803,
  "gsr_x": -0.0214493777602911,
  "gsr_y": 0.013392414897680283,
  "provenance": {
    "md5sum": "1e56758cb7f49901abed91ea182b9483",
    "settings": {
      "fd_thres": 0.2,
      "testing": false
    },
    "software": "mriqc",
    "version": "22.0.0rc1",
    "webapi_port": null,
    "webapi_url": "https://mriqc.nimh.nih.gov/api/v1"
  },
  "size_t": 160,
  "size_x": 80,
  "size_y": 80,
  "size_z": 36,
  "snr": 4.726046736980803,
  "spacing_tr": 2.0,
  "spacing_x": 3.0,
  "spacing_y": 3.0,
  "spacing_z": 3.299999952316284,
  "summary_bg_k": 56.05753884574786,
  "summary_bg_mad": 64.35866911920598,
  "summary_bg_mean": 631.7613525390625,
  "summary_bg_median": 57.117618560791016,
  "summary_bg_n": 156380.0,
  "summary_bg_p05": 4.49029130935669,
  "summary_bg_p95": 2861.6726440429616,
  "summary_bg_stdv": 2006.8428955078125,
  "summary_fg_k": 1.3498384339215335,
  "summary_fg_mad": 5340.488111406183,
  "summary_fg_mean": 29452.705078125,
  "summary_fg_median": 28613.578125,
  "summary_fg_n": 33842.0,
  "summary_fg_p05": 21070.59541015625,
  "summary_fg_p95": 40261.93925781249,
  "summary_fg_stdv": 6054.35302734375,
  "tsnr": 75.03419494628906
}