{
  "aor": 0.0077068,
  "aqi": 0.0058352263111111115,
  "bids_meta": {
    "AcquisitionNumber": 7,
    "BidsifyVersion": "0.3.5",
    "ConversionSoftware": "dcm2niix",
    "ConversionSoftwareVersion": "v1.0.20181125  GCC6.3.0",
    "EchoTime": 0.02763,
    "EffectiveEchoSpacing": 0.0006909035636805814,
    "FlipAngle": 76.1,
    "ImageComments": "PIOP2",
    "ImageOrientationPatientDICOM": [
      0.996866,
      0.0764506,
      -0.0203394,
      -0.0779299,
      0.993227,
      -0.0861804
    ],
    "Manufacturer": "Philips",
    "NumberOfVolumesDiscardedByScanner": 2,
    "ParallelAcquisitionTechnique": "SENSE",
    "ParallelReductionFactorInPlane": 2,
    "PatientPosition": "HFS",
    "PhaseEncodingDirection": "j",
    "PhilipsRescaleIntercept": 0,
    "PhilipsRescaleSlope": 0.78462,
    "PhilipsScaleSlope": 0.0604884,
    "ProtocolName": "WIPtask-stop_boldSENSE",
    "PulseSequenceType": "gradient echo EPI",
    "ReconMatrixPE": 80,
    "RepetitionTime": 2,
    "SeriesDescription": "ImageMRSERIES",
    "SeriesNumber": 7,
    "SliceEncodingDirection": "k",
    "SliceTiming": [
      0.0,
      0.0556,
      0.1111,
      0.1667,
      0.2222,
      0.2778,
      0.3333,
      0.3889,
      0.4444,
      0.5,
      0.5556,
      0.6111,
      0.6667,
      0.7222,
      0.7778,
      0.8333,
      0.8889,
      0.9444,
      1.0,
      1.0556,
      1.1111,
      1.1667,
      1.2222,
      1.2778,
      1.3333,
      1.3889,
      1.4444,
      1.5,
      1.5556,
      1.6111,
      1.6667,
      1.7222,
      1.7778,
      1.8333,
      1.8889,
      1.9444
    ],
    "TaskName": "stopsignal",
    "TotalReadoutTime": 0.026945238983542674,
    "UsePhilipsFloatNotDisplayScaling": 1,
    "WaterFatShift": 12,
    "acq_id": "seq",
    "dataset": "ds002790",
    "modality": "bold",
    "subject_id": "0132",
    "task_id": "stopsignal"
  },
  "dummy_trs": 0,
  "dvars_nstd": 19.296954329508942,
  "dvars_std": 1.2345376067410712,
  "dvars_vstd": 1.0475827616964286,
  "efc": 0.3983429566260433,
  "fber": 295379.40625,
  "fd_mean": 0.13902060403289737,
  "fd_num": 27,
  "fd_perc": 12.0,
  "fwhm_avg": 1.965662332142581,
  "fwhm_x": 1.9342233333333334,
  "fwhm_y": 2.112833333333333,
  "fwhm_z": 1.8499303297610765,
  "gcor": 0.0382843,
  "gsr_x": -0.014782512560486794,
  "gsr_y": 0.005443428177386522,
  "provenance": {
    "md5sum": "52a7ace3b959742dab7c6f458b49d87c",
    "settings": {
      "fd_thres": 0.2,
      "testing": false
    },
    "software": "mriqc",
    "version": "22.0.0rc1",
    "webapi_port": null,
    "webapi_url": "https://mriqc.nimh.nih.gov/api/v1"
  },
  "size_t": 225,
  "size_x": 80,
  "size_y": 80,
  "size_z": 36,
  "snr": 5.986039556753893,
  "spacing_tr": 2.0,
  "spacing_x": 3.0,
  "spacing_y": 3.0,
  "spacing_z": 3.299999952316284,
  "summary_bg_k": 86.04685955449452,
  "summary_bg_mad": 48.77942506826702,
  "summary_bg_mean": 426.0008544921875,
  "summary_bg_median": 43.335296630859375,
  "summary_bg_n": 160204.0,
  "summary_bg_p05": 3.254998099803925,
  "summary_bg_p95": 1982.1313110351568,
  "summary_bg_stdv": 1337.0614013671875,
  "summary_fg_k": 0.7720150838867945,
  "summary_fg_mad": 3966.4633397464513,
  "summary_fg_mean": 24416.40234375,
  "summary_fg_median": 24086.5546875,
  "summary_fg_n": 30632.0,
  "summary_fg_p05": 18473.91533203125,
  "summary_fg_p95": 31194.2953125,
  "summary_fg_stdv": 4023.722412109375,
  "tsnr": 77.41877746582031
}