{
  "aor": 0.0020920624999999997,
  "aqi": 0.0031810907499999997,
  "bids_meta": {
    "AcquisitionNumber": 3,
    "BidsifyVersion": "0.3.5",
    "ConversionSoftware": "dcm2niix",
    "ConversionSoftwareVersion": "v1.0.20181125  GCC6.3.0",
    "EchoTime": 0.02763,
    "FlipAngle": 76.1,
    "ImageComments": "PIOP2",
    "ImageOrientationPatientDICOM": [
      0.999798,
      -0.0107681,
      -0.0169579,
      0.0099467,
      0.998807,
      -0.0478005
    ],
    "Manufacturer": "Philips",
    "NumberOfVolumesDiscardedByScanner": 2,
    "ParallelAcquisitionTechnique": "SENSE",
    "ParallelReductionFactorInPlane": 2,
    "PatientPosition": "HFS",
    "PhaseEncodingDirection": "j",
    "PhilipsRescaleIntercept": 0,
    "PhilipsRescaleSlope": 0.80928,
    "PhilipsScaleSlope": 0.0597165,
    "ProtocolName": "WIPtask-wm_boldSENSE",
    "PulseSequenceType": "gradient echo EPI",
    "ReconMatrixPE": 80,
    "RepetitionTime": 2,
    "SeriesDescription": "ImageMRSERIES",
    "SeriesNumber": 3,
    "SliceEncodingDirection": "k",
    "TaskName": "workingmemory",
    "UsePhilipsFloatNotDisplayScaling": 1,
    "WaterFatShift": 12,
    "acq_id": "seq",
    "dataset": "ds002790",
    "modality": "bold",
    "subject_id": "0221",
    "task_id": "workingmemory"
  },
  "dummy_trs": 0,
  "dvars_nstd": 19.90810877132076,
  "dvars_std": 1.3711673862893083,
  "dvars_vstd": 1.0149937289937105,
  "efc": 0.43645100592863,
  "fber": 165838.3125,
  "fd_mean": 0.06740965902552042,
  "fd_num": 0,
  "fd_perc": 0.0,
  "fwhm_avg": 2.0423939484378635,
  "fwhm_x": 2.002543333333333,
  "fwhm_y": 2.2469566666666667,
  "fwhm_z": 1.8776818453135902,
  "gcor": 0.101078,
  "gsr_x": -0.014385975897312164,
  "gsr_y": 0.021795207634568214,
  "provenance": {
    "md5sum": "ebd7ef6486742f675b0d329dadbd75f4",
    "settings": {
      "fd_thres": 0.2,
      "testing": false
    },
    "software": "mriqc",
    "version": "23.0.1",
    "webapi_port": null,
    "webapi_url": "https://mriqc.nimh.nih.gov/api/v1"
  },
  "size_t": 160,
  "size_x": 80,
  "size_y": 80,
  "size_z": 36,
  "snr": 6.440254496821093,
  "spacing_tr": 2.0,
  "spacing_x": 3.0,
  "spacing_y": 3.0,
  "spacing_z": 3.299999952316284,
  "summary_bg_k": 65.58484779710263,
  "summary_bg_mad": 69.51916621971144,
  "summary_bg_mean": 715.136962890625,
  "summary_bg_median": 62.56343460083008,
  "summary_bg_n": 155573.0,
  "summary_bg_p05": 8.817369461059572,
  "summary_bg_p95": 3625.2006347656247,
  "summary_bg_stdv": 1853.55615234375,
  "summary_fg_k": 1.7854136925740605,
  "summary_fg_mad": 3770.6773192411583,
  "summary_fg_mean": 26192.26953125,
  "summary_fg_median": 25852.078125,
  "summary_fg_n": 34510.0,
  "summary_fg_p05": 20298.27431640625,
  "summary_fg_p95": 32808.9486328125,
  "summary_fg_stdv": 4014.0810546875,
  "tsnr": 106.9247817993164
}