{
  "aor": 0.0039133624454148475,
  "aqi": 0.0034181910480349346,
  "bids_meta": {
    "AcquisitionNumber": 8,
    "BidsifyVersion": "0.3.5",
    "ConversionSoftware": "dcm2niix",
    "ConversionSoftwareVersion": "v1.0.20181125  GCC6.3.0",
    "EchoTime": 0.02763,
    "FlipAngle": 76.1,
    "ImageComments": "PIOP2",
    "ImageOrientationPatientDICOM": [
      0.996114,
      0.0790471,
      -0.038828,
      -0.0803204,
      0.996242,
      -0.0324069
    ],
    "Manufacturer": "Philips",
    "NumberOfVolumesDiscardedByScanner": 2,
    "ParallelAcquisitionTechnique": "SENSE",
    "ParallelReductionFactorInPlane": 2,
    "PatientPosition": "HFS",
    "PhaseEncodingDirection": "j",
    "PhilipsRescaleIntercept": 0,
    "PhilipsRescaleSlope": 0.78974,
    "PhilipsScaleSlope": 0.0459305,
    "ProtocolName": "WIPtask-stop_boldSENSE",
    "PulseSequenceType": "gradient echo EPI",
    "ReconMatrixPE": 80,
    "RepetitionTime": 2,
    "SeriesDescription": "ImageMRSERIES",
    "SeriesNumber": 8,
    "SliceEncodingDirection": "k",
    "TaskName": "stopsignal",
    "UsePhilipsFloatNotDisplayScaling": 1,
    "WaterFatShift": 12,
    "acq_id": "seq",
    "dataset": "ds002790",
    "modality": "bold",
    "subject_id": "0209",
    "task_id": "stopsignal"
  },
  "dummy_trs": 0,
  "dvars_nstd": 17.652324747631585,
  "dvars_std": 1.2771627038596491,
  "dvars_vstd": 1.0386412939035086,
  "efc": 0.47353991372484916,
  "fber": 158011.8125,
  "fd_mean": 0.1065643401431878,
  "fd_num": 14,
  "fd_perc": 6.11353711790393,
  "fwhm_avg": 2.1572123329552912,
  "fwhm_x": 2.125426666666667,
  "fwhm_y": 2.3275466666666667,
  "fwhm_z": 2.0186636655325407,
  "gcor": 0.0493351,
  "gsr_x": -0.006577654276043177,
  "gsr_y": 0.016227375715970993,
  "provenance": {
    "md5sum": "79526b55ece0bd2b50f269dbe77b7bc7",
    "settings": {
      "fd_thres": 0.2,
      "testing": false
    },
    "software": "mriqc",
    "version": "23.0.1",
    "webapi_port": null,
    "webapi_url": "https://mriqc.nimh.nih.gov/api/v1"
  },
  "size_t": 229,
  "size_x": 80,
  "size_y": 80,
  "size_z": 36,
  "snr": 5.444006867215102,
  "spacing_tr": 2.0,
  "spacing_x": 3.0,
  "spacing_y": 3.0,
  "spacing_z": 3.299999952316284,
  "summary_bg_k": 35.80336444721004,
  "summary_bg_mad": 85.7472537595969,
  "summary_bg_mean": 851.0827026367188,
  "summary_bg_median": 72.50201416015625,
  "summary_bg_n": 145968.0,
  "summary_bg_p05": 5.230310606956482,
  "summary_bg_p95": 4166.92158203125,
  "summary_bg_stdv": 2350.357421875,
  "summary_fg_k": 2.428648396759698,
  "summary_fg_mad": 4678.304969175098,
  "summary_fg_mean": 30129.3828125,
  "summary_fg_median": 29356.861328125,
  "summary_fg_n": 42665.0,
  "summary_fg_p05": 23078.731640625,
  "summary_fg_p95": 39513.8484375,
  "summary_fg_stdv": 5392.44677734375,
  "tsnr": 96.44609832763672
}