{
  "aor": 0.002503208333333333,
  "aqi": 0.004832686166666667,
  "bids_meta": {
    "AcquisitionNumber": 5,
    "BidsifyVersion": "0.3.5",
    "ConversionSoftware": "dcm2niix",
    "ConversionSoftwareVersion": "v1.0.20181125  GCC6.3.0",
    "EchoTime": 0.02763,
    "FlipAngle": 76.1,
    "ImageComments": "PIOP2",
    "ImageOrientationPatientDICOM": [
      0.996114,
      0.0790471,
      -0.038828,
      -0.0803204,
      0.996242,
      -0.0324069
    ],
    "Manufacturer": "Philips",
    "NumberOfVolumesDiscardedByScanner": 2,
    "ParallelAcquisitionTechnique": "SENSE",
    "ParallelReductionFactorInPlane": 2,
    "PatientPosition": "HFS",
    "PhaseEncodingDirection": "j",
    "PhilipsRescaleIntercept": 0,
    "PhilipsRescaleSlope": 0.76166,
    "PhilipsScaleSlope": 0.0477673,
    "ProtocolName": "WIPtask-rest_boldSENSE",
    "PulseSequenceType": "gradient echo EPI",
    "ReconMatrixPE": 80,
    "RepetitionTime": 2,
    "SeriesDescription": "ImageMRSERIES",
    "SeriesNumber": 5,
    "SliceEncodingDirection": "k",
    "TaskName": "restingstate",
    "UsePhilipsFloatNotDisplayScaling": 1,
    "WaterFatShift": 12,
    "acq_id": "seq",
    "dataset": "ds002790",
    "modality": "bold",
    "subject_id": "0209",
    "task_id": "restingstate"
  },
  "dummy_trs": 0,
  "dvars_nstd": 18.67334115271965,
  "dvars_std": 1.2896846950209204,
  "dvars_vstd": 1.0085702927615068,
  "efc": 0.4729584828060351,
  "fber": 143680.203125,
  "fd_mean": 0.11493702274445008,
  "fd_num": 14,
  "fd_perc": 5.833333333333333,
  "fwhm_avg": 2.1484281914916563,
  "fwhm_x": 2.109853333333333,
  "fwhm_y": 2.3270433333333336,
  "fwhm_z": 2.0083879078083022,
  "gcor": 0.0379138,
  "gsr_x": -0.007743333000689745,
  "gsr_y": 0.015145828016102314,
  "provenance": {
    "md5sum": "37918a27918d27e7ad61590ff5db71e5",
    "settings": {
      "fd_thres": 0.2,
      "testing": false
    },
    "software": "mriqc",
    "version": "23.0.1",
    "webapi_port": null,
    "webapi_url": "https://mriqc.nimh.nih.gov/api/v1"
  },
  "size_t": 240,
  "size_x": 80,
  "size_y": 80,
  "size_z": 36,
  "snr": 5.448302942524955,
  "spacing_tr": 2.0,
  "spacing_x": 3.0,
  "spacing_y": 3.0,
  "spacing_z": 3.299999952316284,
  "summary_bg_k": 34.58449597271953,
  "summary_bg_mad": 93.46140994424093,
  "summary_bg_mean": 858.1146850585938,
  "summary_bg_median": 76.03723907470703,
  "summary_bg_n": 146217.0,
  "summary_bg_p05": 4.797329902648926,
  "summary_bg_p95": 4194.107617187496,
  "summary_bg_stdv": 2387.62451171875,
  "summary_fg_k": 2.5004935363256777,
  "summary_fg_mad": 4678.141361703721,
  "summary_fg_mean": 30048.837890625,
  "summary_fg_median": 29267.275390625,
  "summary_fg_n": 42612.0,
  "summary_fg_p05": 23065.790234375,
  "summary_fg_p95": 39341.483203125,
  "summary_fg_stdv": 5371.751953125,
  "tsnr": 83.61446380615234
}