{
  "aor": 0.004627920353982301,
  "aqi": 0.008058235132743364,
  "bids_meta": {
    "AcquisitionNumber": 7,
    "BidsifyVersion": "0.3.5",
    "ConversionSoftware": "dcm2niix",
    "ConversionSoftwareVersion": "v1.0.20181125  GCC6.3.0",
    "EchoTime": 0.02763,
    "EffectiveEchoSpacing": 0.0006909035636805814,
    "FlipAngle": 76.1,
    "ImageComments": "PIOP2",
    "ImageOrientationPatientDICOM": [
      0.999919,
      0.0125568,
      0.00206936,
      -0.0115187,
      0.962137,
      -0.272322
    ],
    "Manufacturer": "Philips",
    "NumberOfVolumesDiscardedByScanner": 2,
    "ParallelAcquisitionTechnique": "SENSE",
    "ParallelReductionFactorInPlane": 2,
    "PatientPosition": "HFS",
    "PhaseEncodingDirection": "j",
    "PhilipsRescaleIntercept": 0,
    "PhilipsRescaleSlope": 0.77827,
    "PhilipsScaleSlope": 0.059955,
    "ProtocolName": "WIPtask-stop_boldSENSE",
    "PulseSequenceType": "gradient echo EPI",
    "ReconMatrixPE": 80,
    "RepetitionTime": 2,
    "SeriesDescription": "ImageMRSERIES",
    "SeriesNumber": 7,
    "SliceEncodingDirection": "k",
    "SliceTiming": [
      0.0,
      0.0556,
      0.1111,
      0.1667,
      0.2222,
      0.2778,
      0.3333,
      0.3889,
      0.4444,
      0.5,
      0.5556,
      0.6111,
      0.6667,
      0.7222,
      0.7778,
      0.8333,
      0.8889,
      0.9444,
      1.0,
      1.0556,
      1.1111,
      1.1667,
      1.2222,
      1.2778,
      1.3333,
      1.3889,
      1.4444,
      1.5,
      1.5556,
      1.6111,
      1.6667,
      1.7222,
      1.7778,
      1.8333,
      1.8889,
      1.9444
    ],
    "TaskName": "stopsignal",
    "TotalReadoutTime": 0.026945238983542674,
    "UsePhilipsFloatNotDisplayScaling": 1,
    "WaterFatShift": 12,
    "acq_id": "seq",
    "dataset": "ds002790",
    "modality": "bold",
    "subject_id": "0164",
    "task_id": "stopsignal"
  },
  "dummy_trs": 5,
  "dvars_nstd": 22.589928741733342,
  "dvars_std": 1.3202917784444443,
  "dvars_vstd": 1.0387835318222218,
  "efc": 0.4333233895366502,
  "fber": 246189.71875,
  "fd_mean": 0.17862772776095645,
  "fd_num": 61,
  "fd_perc": 26.991150442477878,
  "fwhm_avg": 1.9200033419573428,
  "fwhm_x": 1.9069500000000001,
  "fwhm_y": 2.06256,
  "fwhm_z": 1.7905000258720285,
  "gcor": 0.0719595,
  "gsr_x": -0.014115601778030396,
  "gsr_y": 0.012803319841623306,
  "provenance": {
    "md5sum": "98393e506c4986fbe582abdb807f652e",
    "settings": {
      "fd_thres": 0.2,
      "testing": false
    },
    "software": "mriqc",
    "version": "22.0.0rc1",
    "webapi_port": null,
    "webapi_url": "https://mriqc.nimh.nih.gov/api/v1"
  },
  "size_t": 226,
  "size_x": 80,
  "size_y": 80,
  "size_z": 36,
  "snr": 6.2566254659002745,
  "spacing_tr": 2.0,
  "spacing_x": 3.0,
  "spacing_y": 3.0,
  "spacing_z": 3.299999952316284,
  "summary_bg_k": 76.75448954040114,
  "summary_bg_mad": 46.9644499280957,
  "summary_bg_mean": 603.0230102539062,
  "summary_bg_median": 48.107322692871094,
  "summary_bg_n": 154785.0,
  "summary_bg_p05": 6.704750919342042,
  "summary_bg_p95": 3506.3093749999925,
  "summary_bg_stdv": 1779.2257080078125,
  "summary_fg_k": 2.2531524023988796,
  "summary_fg_mad": 3493.0484709961524,
  "summary_fg_mean": 24628.6484375,
  "summary_fg_median": 24277.953125,
  "summary_fg_n": 35385.0,
  "summary_fg_p05": 19190.98203125,
  "summary_fg_p95": 30992.618749999998,
  "summary_fg_stdv": 3880.30419921875,
  "tsnr": 72.08741760253906
}