{
  "aor": 0.005799750000000001,
  "aqi": 0.010112538291666666,
  "bids_meta": {
    "AcquisitionNumber": 4,
    "BidsifyVersion": "0.3.5",
    "ConversionSoftware": "dcm2niix",
    "ConversionSoftwareVersion": "v1.0.20181125  GCC6.3.0",
    "EchoTime": 0.02763,
    "EffectiveEchoSpacing": 0.0006909035636805814,
    "FlipAngle": 76.1,
    "ImageComments": "PIOP2",
    "ImageOrientationPatientDICOM": [
      0.999919,
      0.0125568,
      0.00206936,
      -0.0115187,
      0.962137,
      -0.272322
    ],
    "Manufacturer": "Philips",
    "NumberOfVolumesDiscardedByScanner": 2,
    "ParallelAcquisitionTechnique": "SENSE",
    "ParallelReductionFactorInPlane": 2,
    "PatientPosition": "HFS",
    "PhaseEncodingDirection": "j",
    "PhilipsRescaleIntercept": 0,
    "PhilipsRescaleSlope": 0.7939,
    "PhilipsScaleSlope": 0.0588608,
    "ProtocolName": "WIPtask-rest_boldSENSE",
    "PulseSequenceType": "gradient echo EPI",
    "ReconMatrixPE": 80,
    "RepetitionTime": 2,
    "SeriesDescription": "ImageMRSERIES",
    "SeriesNumber": 4,
    "SliceEncodingDirection": "k",
    "SliceTiming": [
      0.0,
      0.0556,
      0.1111,
      0.1667,
      0.2222,
      0.2778,
      0.3333,
      0.3889,
      0.4444,
      0.5,
      0.5556,
      0.6111,
      0.6667,
      0.7222,
      0.7778,
      0.8333,
      0.8889,
      0.9444,
      1.0,
      1.0556,
      1.1111,
      1.1667,
      1.2222,
      1.2778,
      1.3333,
      1.3889,
      1.4444,
      1.5,
      1.5556,
      1.6111,
      1.6667,
      1.7222,
      1.7778,
      1.8333,
      1.8889,
      1.9444
    ],
    "TaskName": "restingstate",
    "TotalReadoutTime": 0.026945238983542674,
    "UsePhilipsFloatNotDisplayScaling": 1,
    "WaterFatShift": 12,
    "acq_id": "seq",
    "dataset": "ds002790",
    "modality": "bold",
    "subject_id": "0164",
    "task_id": "restingstate"
  },
  "dummy_trs": 0,
  "dvars_nstd": 27.801002893430955,
  "dvars_std": 1.3056126978661087,
  "dvars_vstd": 1.0413987344769877,
  "efc": 0.43288267190289953,
  "fber": 235734.671875,
  "fd_mean": 0.2756952215304074,
  "fd_num": 127,
  "fd_perc": 52.916666666666664,
  "fwhm_avg": 1.8775121296049513,
  "fwhm_x": 1.8677833333333334,
  "fwhm_y": 2.02225,
  "fwhm_z": 1.7425030554815213,
  "gcor": 0.101045,
  "gsr_x": -0.013647195883095264,
  "gsr_y": 0.012238931842148304,
  "provenance": {
    "md5sum": "7ba9bc00e4f99d0e2338943bc4569127",
    "settings": {
      "fd_thres": 0.2,
      "testing": false
    },
    "software": "mriqc",
    "version": "22.0.0rc1",
    "webapi_port": null,
    "webapi_url": "https://mriqc.nimh.nih.gov/api/v1"
  },
  "size_t": 240,
  "size_x": 80,
  "size_y": 80,
  "size_z": 36,
  "snr": 6.297416010535351,
  "spacing_tr": 2.0,
  "spacing_x": 3.0,
  "spacing_y": 3.0,
  "spacing_z": 3.299999952316284,
  "summary_bg_k": 75.90195304700136,
  "summary_bg_mad": 49.162516701957436,
  "summary_bg_mean": 596.3193359375,
  "summary_bg_median": 48.96193313598633,
  "summary_bg_n": 154763.0,
  "summary_bg_p05": 5.956291198730469,
  "summary_bg_p95": 3432.748779296874,
  "summary_bg_stdv": 1769.133056640625,
  "summary_fg_k": 2.7609611906393683,
  "summary_fg_mad": 3381.6766664532934,
  "summary_fg_mean": 24609.7578125,
  "summary_fg_median": 24254.9921875,
  "summary_fg_n": 35280.0,
  "summary_fg_p05": 19277.3826171875,
  "summary_fg_p95": 30866.42919921875,
  "summary_fg_stdv": 3851.52392578125,
  "tsnr": 62.5228157043457
}