{
  "aor": 0.005650962962962963,
  "aqi": 0.014605630148148146,
  "bids_meta": {
    "AcquisitionNumber": 8,
    "BidsifyVersion": "0.3.5",
    "ConversionSoftware": "dcm2niix",
    "ConversionSoftwareVersion": "v1.0.20181125  GCC6.3.0",
    "EchoTime": 0.02763,
    "EffectiveEchoSpacing": 0.0006909035636805814,
    "FlipAngle": 76.1,
    "ImageComments": "PIOP2",
    "ImageOrientationPatientDICOM": [
      0.999919,
      0.0125568,
      0.00206936,
      -0.0115187,
      0.962137,
      -0.272322
    ],
    "Manufacturer": "Philips",
    "NumberOfVolumesDiscardedByScanner": 2,
    "ParallelAcquisitionTechnique": "SENSE",
    "ParallelReductionFactorInPlane": 2,
    "PatientPosition": "HFS",
    "PhaseEncodingDirection": "j",
    "PhilipsRescaleIntercept": 0,
    "PhilipsRescaleSlope": 0.77411,
    "PhilipsScaleSlope": 0.0602899,
    "ProtocolName": "WIPtask-harriri_boldSENSE",
    "PulseSequenceType": "gradient echo EPI",
    "ReconMatrixPE": 80,
    "RepetitionTime": 2,
    "SeriesDescription": "ImageMRSERIES",
    "SeriesNumber": 8,
    "SliceEncodingDirection": "k",
    "SliceTiming": [
      0.0,
      0.0556,
      0.1111,
      0.1667,
      0.2222,
      0.2778,
      0.3333,
      0.3889,
      0.4444,
      0.5,
      0.5556,
      0.6111,
      0.6667,
      0.7222,
      0.7778,
      0.8333,
      0.8889,
      0.9444,
      1.0,
      1.0556,
      1.1111,
      1.1667,
      1.2222,
      1.2778,
      1.3333,
      1.3889,
      1.4444,
      1.5,
      1.5556,
      1.6111,
      1.6667,
      1.7222,
      1.7778,
      1.8333,
      1.8889,
      1.9444
    ],
    "TaskName": "emomatching",
    "TotalReadoutTime": 0.026945238983542674,
    "UsePhilipsFloatNotDisplayScaling": 1,
    "WaterFatShift": 12,
    "acq_id": "seq",
    "dataset": "ds002790",
    "modality": "bold",
    "subject_id": "0164",
    "task_id": "emomatching"
  },
  "dummy_trs": 0,
  "dvars_nstd": 27.547243217985066,
  "dvars_std": 1.2157681907462683,
  "dvars_vstd": 1.0088748044029845,
  "efc": 0.4355650394956259,
  "fber": 225298.484375,
  "fd_mean": 0.35622718075655935,
  "fd_num": 74,
  "fd_perc": 54.81481481481482,
  "fwhm_avg": 1.8972224322574336,
  "fwhm_x": 1.92249,
  "fwhm_y": 2.1051166666666665,
  "fwhm_z": 1.6640606301056344,
  "gcor": 0.0789902,
  "gsr_x": -0.014625859446823597,
  "gsr_y": 0.01234509702771902,
  "provenance": {
    "md5sum": "e75ca91b42cc84c06b94cf4b541a37e7",
    "settings": {
      "fd_thres": 0.2,
      "testing": false
    },
    "software": "mriqc",
    "version": "22.0.0rc1",
    "webapi_port": null,
    "webapi_url": "https://mriqc.nimh.nih.gov/api/v1"
  },
  "size_t": 135,
  "size_x": 80,
  "size_y": 80,
  "size_z": 36,
  "snr": 6.283883141390987,
  "spacing_tr": 2.0,
  "spacing_x": 3.0,
  "spacing_y": 3.0,
  "spacing_z": 3.299999952316284,
  "summary_bg_k": 66.07150541221478,
  "summary_bg_mad": 53.07850787767765,
  "summary_bg_mean": 620.6619873046875,
  "summary_bg_median": 50.332275390625,
  "summary_bg_n": 154494.0,
  "summary_bg_p05": 5.173575401306152,
  "summary_bg_p95": 3656.125964355471,
  "summary_bg_stdv": 1785.445556640625,
  "summary_fg_k": 2.2286368320399808,
  "summary_fg_mad": 3499.6448925855193,
  "summary_fg_mean": 24642.8046875,
  "summary_fg_median": 24272.255859375,
  "summary_fg_n": 35541.0,
  "summary_fg_p05": 19209.212890625,
  "summary_fg_p95": 31072.583984375,
  "summary_fg_stdv": 3862.566162109375,
  "tsnr": 50.58949279785156
}