{
  "bids_meta": {
    "AcquisitionNumber": 2,
    "BidsifyVersion": "0.3.5",
    "ConversionSoftware": "dcm2niix",
    "ConversionSoftwareVersion": "v1.0.20181125  GCC6.3.0",
    "EchoTime": 0.00375,
    "ImageComments": "PIOP2",
    "ImageOrientationPatientDICOM": [
      0.999909,
      0.0115848,
      0.00694362,
      -0.0113441,
      0.999366,
      -0.0337594
    ],
    "Manufacturer": "Philips",
    "NumberSignalAcquisitions": 2,
    "PatientPosition": "HFS",
    "PhilipsRescaleIntercept": 0,
    "PhilipsRescaleSlope": 10.442,
    "PhilipsScaleSlope": 0.00719398,
    "ProtocolName": "WIPT1anat_acq-6m_T1wSENSE",
    "ReconMatrixPE": 240,
    "RepetitionTime": 0.008184,
    "SeriesDescription": "ImageMRSERIES",
    "SeriesNumber": 2,
    "UsePhilipsFloatNotDisplayScaling": 1,
    "dataset": "ds002790",
    "modality": "T1w",
    "subject_id": "0005"
  },
  "cjv": 0.2459229471886267,
  "cnr": 5.020318598209901,
  "efc": 0.7802349115523183,
  "fber": 1198.1273193359375,
  "fwhm_avg": 4.245890077685917,
  "fwhm_x": 3.9100602330577514,
  "fwhm_y": 4.41382,
  "fwhm_z": 4.41379,
  "icvs_csf": 0.22808379599743028,
  "icvs_gm": 0.4190764638647177,
  "icvs_wm": 0.352839740137852,
  "inu_med": 1.875441074371338,
  "inu_range": 0.4060273647308348,
  "provenance": {
    "md5sum": "1282db6eb66d71d04bd8b1eebaeacc63",
    "settings": {
      "testing": false
    },
    "software": "mriqc",
    "version": "22.0.0rc1",
    "warnings": {
      "large_rot_frame": true,
      "small_air_mask": true
    },
    "webapi_port": null,
    "webapi_url": "https://mriqc.nimh.nih.gov/api/v1"
  },
  "qi_1": 0.0,
  "qi_2": 7.415221607813405e-05,
  "rpve_csf": 27.688615840248918,
  "rpve_gm": 15.448126740568162,
  "rpve_wm": 22.94255672123147,
  "size_x": 240,
  "size_y": 240,
  "size_z": 220,
  "snr_csf": 1.8797469420763278,
  "snr_gm": 9.204022208942288,
  "snr_total": 11.365983957073794,
  "snr_wm": 23.014182720202765,
  "snrd_csf": 13.204781857489543,
  "snrd_gm": 40.615672165801676,
  "snrd_total": 40.38241765715967,
  "snrd_wm": 67.3267989481878,
  "spacing_x": 0.9999999403953552,
  "spacing_y": 1.0,
  "spacing_z": 1.0,
  "summary_bg_k": 124.36659395072373,
  "summary_bg_mad": 9.730695469391886,
  "summary_bg_mean": 10.02143383026123,
  "summary_bg_median": 6.738228797912598,
  "summary_bg_n": 122133.0,
  "summary_bg_p05": 0.0,
  "summary_bg_p95": 20.488322448730468,
  "summary_bg_stdv": 7.841856956481934,
  "summary_csf_k": -0.6992119653135713,
  "summary_csf_mad": 116.21082580049733,
  "summary_csf_mean": 214.82229614257812,
  "summary_csf_median": 196.1297149658203,
  "summary_csf_n": 10017.0,
  "summary_csf_p05": 74.58957214355469,
  "summary_csf_p95": 398.44719238281226,
  "summary_csf_stdv": 104.3331527709961,
  "summary_gm_k": 0.7405754598177516,
  "summary_gm_mad": 60.528158577243445,
  "summary_gm_mean": 606.5813598632812,
  "summary_gm_median": 603.2617797851562,
  "summary_gm_n": 18015.0,
  "summary_gm_p05": 504.5805328369141,
  "summary_gm_p95": 717.5771057128907,
  "summary_gm_stdv": 65.54145812988281,
  "summary_wm_k": 1.4358295570400283,
  "summary_wm_mad": 37.03894885008885,
  "summary_wm_mean": 995.032470703125,
  "summary_wm_median": 1000.0003051757812,
  "summary_wm_n": 173478.0,
  "summary_wm_p05": 913.9609741210937,
  "summary_wm_p95": 1056.601824951172,
  "summary_wm_stdv": 43.45135498046875,
  "tpm_overlap_csf": 0.17034803330898285,
  "tpm_overlap_gm": 0.4463433027267456,
  "tpm_overlap_wm": 0.4907362163066864,
  "wm2max": 0.7573841406597458
}