{
  "aor": 0.0034571111111111113,
  "aqi": 0.0023264522962962958,
  "bids_meta": {
    "AcquisitionNumber": 8,
    "BidsifyVersion": "0.3.5",
    "ConversionSoftware": "dcm2niix",
    "ConversionSoftwareVersion": "v1.0.20181125  GCC6.3.0",
    "EchoTime": 0.02763,
    "EffectiveEchoSpacing": 0.0006909035636805814,
    "FlipAngle": 76.1,
    "ImageComments": "PIOP2",
    "ImageOrientationPatientDICOM": [
      0.999447,
      -0.0297158,
      -0.0149042,
      0.0296629,
      0.999553,
      -0.00375993
    ],
    "Manufacturer": "Philips",
    "NumberOfVolumesDiscardedByScanner": 2,
    "ParallelAcquisitionTechnique": "SENSE",
    "ParallelReductionFactorInPlane": 2,
    "PatientPosition": "HFS",
    "PhaseEncodingDirection": "j",
    "PhilipsRescaleIntercept": 0,
    "PhilipsRescaleSlope": 0.81099,
    "PhilipsScaleSlope": 0.0531593,
    "ProtocolName": "WIPtask-harriri_boldSENSE",
    "PulseSequenceType": "gradient echo EPI",
    "ReconMatrixPE": 80,
    "RepetitionTime": 2,
    "SeriesDescription": "ImageMRSERIES",
    "SeriesNumber": 8,
    "SliceEncodingDirection": "k",
    "SliceTiming": [
      0.0,
      0.0556,
      0.1111,
      0.1667,
      0.2222,
      0.2778,
      0.3333,
      0.3889,
      0.4444,
      0.5,
      0.5556,
      0.6111,
      0.6667,
      0.7222,
      0.7778,
      0.8333,
      0.8889,
      0.9444,
      1.0,
      1.0556,
      1.1111,
      1.1667,
      1.2222,
      1.2778,
      1.3333,
      1.3889,
      1.4444,
      1.5,
      1.5556,
      1.6111,
      1.6667,
      1.7222,
      1.7778,
      1.8333,
      1.8889,
      1.9444
    ],
    "TaskName": "emomatching",
    "TotalReadoutTime": 0.026945238983542674,
    "UsePhilipsFloatNotDisplayScaling": 1,
    "WaterFatShift": 12,
    "acq_id": "seq",
    "dataset": "ds002790",
    "modality": "bold",
    "subject_id": "0146",
    "task_id": "emomatching"
  },
  "dummy_trs": 0,
  "dvars_nstd": 19.19842268835821,
  "dvars_std": 1.4687712584328363,
  "dvars_vstd": 1.0264670311194033,
  "efc": 0.4125945843269664,
  "fber": 309562.59375,
  "fd_mean": 0.07354401022634684,
  "fd_num": 0,
  "fd_perc": 0.0,
  "fwhm_avg": 2.172319807765746,
  "fwhm_x": 2.1868333333333334,
  "fwhm_y": 2.2983866666666666,
  "fwhm_z": 2.031739423297238,
  "gcor": 0.0196905,
  "gsr_x": -0.014178563840687275,
  "gsr_y": 0.005719273816794157,
  "provenance": {
    "md5sum": "07477e9d57646a325ff71edee8853af6",
    "settings": {
      "fd_thres": 0.2,
      "testing": false
    },
    "software": "mriqc",
    "version": "22.0.0rc1",
    "webapi_port": null,
    "webapi_url": "https://mriqc.nimh.nih.gov/api/v1"
  },
  "size_t": 135,
  "size_x": 80,
  "size_y": 80,
  "size_z": 36,
  "snr": 5.619152151842419,
  "spacing_tr": 2.0,
  "spacing_x": 3.0,
  "spacing_y": 3.0,
  "spacing_z": 3.299999952316284,
  "summary_bg_k": 79.63883871612495,
  "summary_bg_mad": 59.231611925554006,
  "summary_bg_mean": 588.3883666992188,
  "summary_bg_median": 49.531402587890625,
  "summary_bg_n": 157530.0,
  "summary_bg_p05": 2.314701783657074,
  "summary_bg_p95": 2830.254821777341,
  "summary_bg_stdv": 1862.5760498046875,
  "summary_fg_k": 0.8131597585541099,
  "summary_fg_mad": 4636.386708012819,
  "summary_fg_mean": 28455.75390625,
  "summary_fg_median": 27944.28515625,
  "summary_fg_n": 32850.0,
  "summary_fg_p05": 21193.5357421875,
  "summary_fg_p95": 37166.29453125,
  "summary_fg_stdv": 4972.96728515625,
  "tsnr": 117.2524185180664
}