{
  "aor": 0.0019896875,
  "aqi": 0.0035476295625,
  "bids_meta": {
    "AcquisitionNumber": 3,
    "BidsifyVersion": "0.3.5",
    "ConversionSoftware": "dcm2niix",
    "ConversionSoftwareVersion": "v1.0.20181125  GCC6.3.0",
    "EchoTime": 0.02763,
    "EffectiveEchoSpacing": 0.0006909035636805814,
    "FlipAngle": 76.1,
    "ImageComments": "PIOP2",
    "ImageOrientationPatientDICOM": [
      0.998283,
      -0.0470298,
      -0.0349041,
      0.0469032,
      0.99889,
      -0.00443553
    ],
    "Manufacturer": "Philips",
    "NumberOfVolumesDiscardedByScanner": 2,
    "ParallelAcquisitionTechnique": "SENSE",
    "ParallelReductionFactorInPlane": 2,
    "PatientPosition": "HFS",
    "PhaseEncodingDirection": "j",
    "PhilipsRescaleIntercept": 0,
    "PhilipsRescaleSlope": 0.75849,
    "PhilipsScaleSlope": 0.054543,
    "ProtocolName": "WIPtask-wm_boldSENSE",
    "PulseSequenceType": "gradient echo EPI",
    "ReconMatrixPE": 80,
    "RepetitionTime": 2,
    "SeriesDescription": "ImageMRSERIES",
    "SeriesNumber": 3,
    "SliceEncodingDirection": "k",
    "SliceTiming": [
      0.0,
      0.0556,
      0.1111,
      0.1667,
      0.2222,
      0.2778,
      0.3333,
      0.3889,
      0.4444,
      0.5,
      0.5556,
      0.6111,
      0.6667,
      0.7222,
      0.7778,
      0.8333,
      0.8889,
      0.9444,
      1.0,
      1.0556,
      1.1111,
      1.1667,
      1.2222,
      1.2778,
      1.3333,
      1.3889,
      1.4444,
      1.5,
      1.5556,
      1.6111,
      1.6667,
      1.7222,
      1.7778,
      1.8333,
      1.8889,
      1.9444
    ],
    "TaskName": "workingmemory",
    "TotalReadoutTime": 0.026945238983542674,
    "UsePhilipsFloatNotDisplayScaling": 1,
    "WaterFatShift": 12,
    "acq_id": "seq",
    "dataset": "ds002790",
    "modality": "bold",
    "subject_id": "0175",
    "task_id": "workingmemory"
  },
  "dummy_trs": 0,
  "dvars_nstd": 20.87256623528302,
  "dvars_std": 1.3482103481132075,
  "dvars_vstd": 1.0006831860377359,
  "efc": 0.44275904738690197,
  "fber": 192797.890625,
  "fd_mean": 0.09100255443211762,
  "fd_num": 2,
  "fd_perc": 1.25,
  "fwhm_avg": 1.8555833417410803,
  "fwhm_x": 1.7855999999999999,
  "fwhm_y": 2.03555,
  "fwhm_z": 1.745600025223241,
  "gcor": 0.0259624,
  "gsr_x": -0.017819495871663094,
  "gsr_y": 0.022895190864801407,
  "provenance": {
    "md5sum": "bcc6403185ffaecbb852247fd3ad084a",
    "settings": {
      "fd_thres": 0.2,
      "testing": false
    },
    "software": "mriqc",
    "version": "22.0.0rc1",
    "webapi_port": null,
    "webapi_url": "https://mriqc.nimh.nih.gov/api/v1"
  },
  "size_t": 160,
  "size_x": 80,
  "size_y": 80,
  "size_z": 36,
  "snr": 5.966381617623448,
  "spacing_tr": 2.0,
  "spacing_x": 3.0,
  "spacing_y": 3.0,
  "spacing_z": 3.299999952316284,
  "summary_bg_k": 74.388063038772,
  "summary_bg_mad": 72.2201119006246,
  "summary_bg_mean": 760.9129028320312,
  "summary_bg_median": 58.90869903564453,
  "summary_bg_n": 154283.0,
  "summary_bg_p05": 3.986903715133667,
  "summary_bg_p95": 3864.7943847656247,
  "summary_bg_stdv": 2030.2490234375,
  "summary_fg_k": 2.632987582667754,
  "summary_fg_mad": 3997.913618447993,
  "summary_fg_mean": 26585.26171875,
  "summary_fg_median": 26226.109375,
  "summary_fg_n": 36092.0,
  "summary_fg_p05": 20450.69443359375,
  "summary_fg_p95": 33555.799414062494,
  "summary_fg_stdv": 4395.58642578125,
  "tsnr": 99.77998352050781
}