{
  "aor": 0.00404,
  "aqi": 0.0061117064999999995,
  "bids_meta": {
    "AcquisitionNumber": 3,
    "BidsifyVersion": "0.3.5",
    "ConversionSoftware": "dcm2niix",
    "ConversionSoftwareVersion": "v1.0.20181125  GCC6.3.0",
    "EchoTime": 0.02763,
    "EffectiveEchoSpacing": 0.0006909035636805814,
    "FlipAngle": 76.1,
    "ImageComments": "PIOP2",
    "ImageOrientationPatientDICOM": [
      0.995823,
      0.0624191,
      -0.0666302,
      -0.0654443,
      0.996876,
      -0.0442269
    ],
    "Manufacturer": "Philips",
    "NumberOfVolumesDiscardedByScanner": 2,
    "ParallelAcquisitionTechnique": "SENSE",
    "ParallelReductionFactorInPlane": 2,
    "PatientPosition": "HFS",
    "PhaseEncodingDirection": "j",
    "PhilipsRescaleIntercept": 0,
    "PhilipsRescaleSlope": 0.75775,
    "PhilipsScaleSlope": 0.0453147,
    "ProtocolName": "WIPtask-wm_boldSENSE",
    "PulseSequenceType": "gradient echo EPI",
    "ReconMatrixPE": 80,
    "RepetitionTime": 2,
    "SeriesDescription": "ImageMRSERIES",
    "SeriesNumber": 3,
    "SliceEncodingDirection": "k",
    "SliceTiming": [
      0.0,
      0.0556,
      0.1111,
      0.1667,
      0.2222,
      0.2778,
      0.3333,
      0.3889,
      0.4444,
      0.5,
      0.5556,
      0.6111,
      0.6667,
      0.7222,
      0.7778,
      0.8333,
      0.8889,
      0.9444,
      1.0,
      1.0556,
      1.1111,
      1.1667,
      1.2222,
      1.2778,
      1.3333,
      1.3889,
      1.4444,
      1.5,
      1.5556,
      1.6111,
      1.6667,
      1.7222,
      1.7778,
      1.8333,
      1.8889,
      1.9444
    ],
    "TaskName": "workingmemory",
    "TotalReadoutTime": 0.026945238983542674,
    "UsePhilipsFloatNotDisplayScaling": 1,
    "WaterFatShift": 12,
    "acq_id": "seq",
    "dataset": "ds002790",
    "modality": "bold",
    "subject_id": "0007",
    "task_id": "workingmemory"
  },
  "dummy_trs": 0,
  "dvars_nstd": 16.989345130691817,
  "dvars_std": 1.1113970961635222,
  "dvars_vstd": 0.9893819926415094,
  "efc": 0.38366712944924725,
  "fber": 292329.28125,
  "fd_mean": 0.16765878535957543,
  "fd_num": 45,
  "fd_perc": 28.125,
  "fwhm_avg": 2.03307980703299,
  "fwhm_x": 1.98299,
  "fwhm_y": 2.2366433333333333,
  "fwhm_z": 1.879606087765637,
  "gcor": 0.0269219,
  "gsr_x": -0.02137506566941738,
  "gsr_y": 0.012700594030320644,
  "provenance": {
    "md5sum": "e87bc9a52b0d4afa727c5231452191d2",
    "settings": {
      "fd_thres": 0.2,
      "testing": false
    },
    "software": "mriqc",
    "version": "22.0.0rc1",
    "webapi_port": null,
    "webapi_url": "https://mriqc.nimh.nih.gov/api/v1"
  },
  "size_t": 160,
  "size_x": 80,
  "size_y": 80,
  "size_z": 36,
  "snr": 5.619776777229259,
  "spacing_tr": 2.0,
  "spacing_x": 3.0,
  "spacing_y": 3.0,
  "spacing_z": 3.299999952316284,
  "summary_bg_k": 109.3987652752299,
  "summary_bg_mad": 60.52061107411312,
  "summary_bg_mean": 597.386474609375,
  "summary_bg_median": 57.86211395263672,
  "summary_bg_n": 163746.0,
  "summary_bg_p05": 5.646561861038208,
  "summary_bg_p95": 2866.9031372070312,
  "summary_bg_stdv": 1890.435791015625,
  "summary_fg_k": 2.1099483577045657,
  "summary_fg_mad": 5191.347594488385,
  "summary_fg_mean": 32304.880859375,
  "summary_fg_median": 31722.01171875,
  "summary_fg_n": 27972.0,
  "summary_fg_p05": 24443.98173828125,
  "summary_fg_p95": 41597.64531249999,
  "summary_fg_stdv": 5644.609375,
  "tsnr": 74.96910095214844
}