{
  "aor": 0.001565777777777778,
  "aqi": 0.004607983407407408,
  "bids_meta": {
    "AcquisitionNumber": 8,
    "BidsifyVersion": "0.3.5",
    "ConversionSoftware": "dcm2niix",
    "ConversionSoftwareVersion": "v1.0.20181125  GCC6.3.0",
    "EchoTime": 0.02763,
    "EffectiveEchoSpacing": 0.0006909035636805814,
    "FlipAngle": 76.1,
    "ImageComments": "PIOP2",
    "ImageOrientationPatientDICOM": [
      0.995823,
      0.0624191,
      -0.0666302,
      -0.0654443,
      0.996876,
      -0.0442269
    ],
    "Manufacturer": "Philips",
    "NumberOfVolumesDiscardedByScanner": 2,
    "ParallelAcquisitionTechnique": "SENSE",
    "ParallelReductionFactorInPlane": 2,
    "PatientPosition": "HFS",
    "PhaseEncodingDirection": "j",
    "PhilipsRescaleIntercept": 0,
    "PhilipsRescaleSlope": 0.75775,
    "PhilipsScaleSlope": 0.0472219,
    "ProtocolName": "WIPtask-harriri_boldSENSE",
    "PulseSequenceType": "gradient echo EPI",
    "ReconMatrixPE": 80,
    "RepetitionTime": 2,
    "SeriesDescription": "ImageMRSERIES",
    "SeriesNumber": 8,
    "SliceEncodingDirection": "k",
    "SliceTiming": [
      0.0,
      0.0556,
      0.1111,
      0.1667,
      0.2222,
      0.2778,
      0.3333,
      0.3889,
      0.4444,
      0.5,
      0.5556,
      0.6111,
      0.6667,
      0.7222,
      0.7778,
      0.8333,
      0.8889,
      0.9444,
      1.0,
      1.0556,
      1.1111,
      1.1667,
      1.2222,
      1.2778,
      1.3333,
      1.3889,
      1.4444,
      1.5,
      1.5556,
      1.6111,
      1.6667,
      1.7222,
      1.7778,
      1.8333,
      1.8889,
      1.9444
    ],
    "TaskName": "emomatching",
    "TotalReadoutTime": 0.026945238983542674,
    "UsePhilipsFloatNotDisplayScaling": 1,
    "WaterFatShift": 12,
    "acq_id": "seq",
    "dataset": "ds002790",
    "modality": "bold",
    "subject_id": "0007",
    "task_id": "emomatching"
  },
  "dummy_trs": 0,
  "dvars_nstd": 22.16683084567164,
  "dvars_std": 1.2872850049999998,
  "dvars_vstd": 0.9834577261194029,
  "efc": 0.3842181603667801,
  "fber": 292409.78125,
  "fd_mean": 0.16739610838131944,
  "fd_num": 37,
  "fd_perc": 27.40740740740741,
  "fwhm_avg": 2.021733948590708,
  "fwhm_x": 1.9491033333333334,
  "fwhm_y": 2.2066833333333333,
  "fwhm_z": 1.9094151791054579,
  "gcor": 0.0242845,
  "gsr_x": -0.021391617134213448,
  "gsr_y": 0.013722487725317478,
  "provenance": {
    "md5sum": "d6fa692ce319f0edcf2a17b8a9fded48",
    "settings": {
      "fd_thres": 0.2,
      "testing": false
    },
    "software": "mriqc",
    "version": "22.0.0rc1",
    "webapi_port": null,
    "webapi_url": "https://mriqc.nimh.nih.gov/api/v1"
  },
  "size_t": 135,
  "size_x": 80,
  "size_y": 80,
  "size_z": 36,
  "snr": 5.72430994699833,
  "spacing_tr": 2.0,
  "spacing_x": 3.0,
  "spacing_y": 3.0,
  "spacing_z": 3.299999952316284,
  "summary_bg_k": 107.08430793520856,
  "summary_bg_mad": 58.68329741727713,
  "summary_bg_mean": 596.755615234375,
  "summary_bg_median": 56.56287384033203,
  "summary_bg_n": 163758.0,
  "summary_bg_p05": 5.3551987409591675,
  "summary_bg_p95": 2880.5970214843746,
  "summary_bg_stdv": 1879.742431640625,
  "summary_fg_k": 2.133456529915404,
  "summary_fg_mad": 4984.7229409677275,
  "summary_fg_mean": 31684.7265625,
  "summary_fg_median": 31150.71484375,
  "summary_fg_n": 27943.0,
  "summary_fg_p05": 24130.6380859375,
  "summary_fg_p95": 40733.294531249994,
  "summary_fg_stdv": 5441.7314453125,
  "tsnr": 87.12791442871094
}