{
  "bids_meta": {
    "AcquisitionNumber": 2,
    "BidsifyVersion": "0.3.5",
    "ConversionSoftware": "dcm2niix",
    "ConversionSoftwareVersion": "v1.0.20181125  GCC6.3.0",
    "EchoTime": 0.00384,
    "ImageComments": "PIOP2",
    "ImageOrientationPatientDICOM": [
      0.997867,
      0.0616907,
      0.0213689,
      -0.0643542,
      0.984557,
      0.162805
    ],
    "Manufacturer": "Philips",
    "PatientPosition": "HFS",
    "PhilipsRescaleIntercept": 0,
    "PhilipsRescaleSlope": 9.74383,
    "PhilipsScaleSlope": 0.00766749,
    "ProtocolName": "WIPT1anat_acq-6m_T1wSENSE",
    "ReconMatrixPE": 240,
    "RepetitionTime": 0.008319,
    "SeriesDescription": "ImageMRSERIES",
    "SeriesNumber": 2,
    "UsePhilipsFloatNotDisplayScaling": 1,
    "dataset": "ds002790",
    "modality": "T1w",
    "subject_id": "0225"
  },
  "cjv": 0.24319751513709717,
  "cnr": 5.4460550506078595,
  "efc": 0.7434253020843034,
  "fber": -1.0,
  "fwhm_avg": 5.073016666666667,
  "fwhm_x": 4.87588,
  "fwhm_y": 5.0213,
  "fwhm_z": 5.32187,
  "icvs_csf": 0.26742749297328255,
  "icvs_gm": 0.4203842267290637,
  "icvs_wm": 0.31218828029765366,
  "inu_med": 0.6752317249774933,
  "inu_range": 0.2160184800624847,
  "provenance": {
    "md5sum": "c2da2cef8acf2c57de6d9bf0f8227f80",
    "settings": {
      "testing": false
    },
    "software": "mriqc",
    "version": "23.0.1",
    "warnings": {
      "large_rot_frame": true,
      "small_air_mask": true
    },
    "webapi_port": null,
    "webapi_url": "https://mriqc.nimh.nih.gov/api/v1"
  },
  "qi_1": 0.0,
  "qi_2": 7.651863652880326e-05,
  "rpve_csf": 22.524163349075103,
  "rpve_gm": 13.83607474048443,
  "rpve_wm": 21.635618910140742,
  "size_x": 240,
  "size_y": 240,
  "size_z": 220,
  "snr_csf": 1.3145848687756554,
  "snr_gm": 9.315637407044845,
  "snr_total": 11.578301635270194,
  "snr_wm": 24.104682629990084,
  "snrd_csf": 11.969114289999846,
  "snrd_gm": 69.33648677285858,
  "snrd_total": 66.4289568309523,
  "snrd_wm": 117.98126942999849,
  "spacing_x": 1.0,
  "spacing_y": 1.0,
  "spacing_z": 1.0,
  "summary_bg_k": 824.9841574750108,
  "summary_bg_mad": 0.0,
  "summary_bg_mean": 0.9203240796748023,
  "summary_bg_median": 0.0,
  "summary_bg_n": 116671.0,
  "summary_bg_p05": 0.0,
  "summary_bg_p95": 5.565027967095375,
  "summary_bg_stdv": 5.552884842972482,
  "summary_csf_k": 1.7379333484274104,
  "summary_csf_mad": 64.81206088243916,
  "summary_csf_mean": 120.42113875355996,
  "summary_csf_median": 101.44927579164505,
  "summary_csf_n": 53537.0,
  "summary_csf_p05": 28.862366324663167,
  "summary_csf_p95": 280.54845245182514,
  "summary_csf_stdv": 77.17137989948948,
  "summary_gm_k": 0.15620408576196576,
  "summary_gm_mad": 63.548120366855294,
  "summary_gm_mean": 587.3757019557008,
  "summary_gm_median": 587.6906342953444,
  "summary_gm_n": 37697.0,
  "summary_gm_p05": 483.91588724255564,
  "summary_gm_p95": 687.4348802417517,
  "summary_gm_stdv": 63.085628351468486,
  "summary_wm_k": 0.8822071932021953,
  "summary_wm_mad": 36.72449386946444,
  "summary_wm_mean": 998.2710732808822,
  "summary_wm_median": 1000.0000042319298,
  "summary_wm_n": 170613.0,
  "summary_wm_p05": 925.6180772334337,
  "summary_wm_p95": 1062.9440226852894,
  "summary_wm_stdv": 41.48559385612601,
  "tpm_overlap_csf": 0.16322623923981885,
  "tpm_overlap_gm": 0.48303662921979085,
  "tpm_overlap_wm": 0.5220974365976522,
  "wm2max": 0.6894592476489029
}