{
  "aor": 0.00244224,
  "aqi": 0.009580636759999999,
  "bids_meta": {
    "AcquisitionNumber": 7,
    "BidsifyVersion": "0.3.5",
    "ConversionSoftware": "dcm2niix",
    "ConversionSoftwareVersion": "v1.0.20181125  GCC6.3.0",
    "EchoTime": 0.02763,
    "EffectiveEchoSpacing": 0.0006909035636805814,
    "FlipAngle": 76.1,
    "ImageComments": "PIOP2",
    "ImageOrientationPatientDICOM": [
      0.995361,
      0.0953606,
      -0.0127637,
      -0.0953164,
      0.995439,
      0.00402756
    ],
    "Manufacturer": "Philips",
    "NumberOfVolumesDiscardedByScanner": 2,
    "ParallelAcquisitionTechnique": "SENSE",
    "ParallelReductionFactorInPlane": 2,
    "PatientPosition": "HFS",
    "PhaseEncodingDirection": "j",
    "PhilipsRescaleIntercept": 0,
    "PhilipsRescaleSlope": 0.77167,
    "PhilipsScaleSlope": 0.0664029,
    "ProtocolName": "WIPtask-stop_boldSENSE",
    "PulseSequenceType": "gradient echo EPI",
    "ReconMatrixPE": 80,
    "RepetitionTime": 2,
    "SeriesDescription": "ImageMRSERIES",
    "SeriesNumber": 7,
    "SliceEncodingDirection": "k",
    "SliceTiming": [
      0.0,
      0.0556,
      0.1111,
      0.1667,
      0.2222,
      0.2778,
      0.3333,
      0.3889,
      0.4444,
      0.5,
      0.5556,
      0.6111,
      0.6667,
      0.7222,
      0.7778,
      0.8333,
      0.8889,
      0.9444,
      1.0,
      1.0556,
      1.1111,
      1.1667,
      1.2222,
      1.2778,
      1.3333,
      1.3889,
      1.4444,
      1.5,
      1.5556,
      1.6111,
      1.6667,
      1.7222,
      1.7778,
      1.8333,
      1.8889,
      1.9444
    ],
    "TaskName": "stopsignal",
    "TotalReadoutTime": 0.026945238983542674,
    "UsePhilipsFloatNotDisplayScaling": 1,
    "WaterFatShift": 12,
    "acq_id": "seq",
    "dataset": "ds002790",
    "modality": "bold",
    "subject_id": "0106",
    "task_id": "stopsignal"
  },
  "dummy_trs": 0,
  "dvars_nstd": 18.441965804016053,
  "dvars_std": 1.111991582730924,
  "dvars_vstd": 0.978779420441767,
  "efc": 0.42217058473055846,
  "fber": 171340.390625,
  "fd_mean": 0.1430142329246729,
  "fd_num": 49,
  "fd_perc": 19.6,
  "fwhm_avg": 1.9989342513038786,
  "fwhm_x": 1.9608866666666664,
  "fwhm_y": 2.192343333333333,
  "fwhm_z": 1.843572753911636,
  "gcor": 0.0468412,
  "gsr_x": -0.018743617460131645,
  "gsr_y": 0.011168339289724827,
  "provenance": {
    "md5sum": "3eeb3fc50f861f00f2c6ca8c69f837c8",
    "settings": {
      "fd_thres": 0.2,
      "testing": false
    },
    "software": "mriqc",
    "version": "22.0.0rc1",
    "webapi_port": null,
    "webapi_url": "https://mriqc.nimh.nih.gov/api/v1"
  },
  "size_t": 250,
  "size_x": 80,
  "size_y": 80,
  "size_z": 36,
  "snr": 5.992925802902047,
  "spacing_tr": 2.0,
  "spacing_x": 3.0,
  "spacing_y": 3.0,
  "spacing_z": 3.299999952316284,
  "summary_bg_k": 57.99117545054884,
  "summary_bg_mad": 53.54653437213805,
  "summary_bg_mean": 485.14111328125,
  "summary_bg_median": 50.396514892578125,
  "summary_bg_n": 156635.0,
  "summary_bg_p05": 6.655691003799439,
  "summary_bg_p95": 2278.3961669921846,
  "summary_bg_stdv": 1423.2021484375,
  "summary_fg_k": 1.37748373769674,
  "summary_fg_mad": 3357.428012199844,
  "summary_fg_mean": 21195.26171875,
  "summary_fg_median": 21025.3671875,
  "summary_fg_n": 33522.0,
  "summary_fg_p05": 15760.471728515626,
  "summary_fg_p95": 26877.58759765625,
  "summary_fg_stdv": 3508.31201171875,
  "tsnr": 58.81826400756836
}