{
  "aor": 0.0014332916666666667,
  "aqi": 0.004360140250000001,
  "bids_meta": {
    "AcquisitionNumber": 4,
    "BidsifyVersion": "0.3.5",
    "ConversionSoftware": "dcm2niix",
    "ConversionSoftwareVersion": "v1.0.20181125  GCC6.3.0",
    "EchoTime": 0.02763,
    "EffectiveEchoSpacing": 0.0006909035636805814,
    "FlipAngle": 76.1,
    "ImageComments": "PIOP2",
    "ImageOrientationPatientDICOM": [
      0.995361,
      0.0953606,
      -0.0127637,
      -0.0953164,
      0.995439,
      0.00402756
    ],
    "Manufacturer": "Philips",
    "NumberOfVolumesDiscardedByScanner": 2,
    "ParallelAcquisitionTechnique": "SENSE",
    "ParallelReductionFactorInPlane": 2,
    "PatientPosition": "HFS",
    "PhaseEncodingDirection": "j",
    "PhilipsRescaleIntercept": 0,
    "PhilipsRescaleSlope": 0.77827,
    "PhilipsScaleSlope": 0.0631853,
    "ProtocolName": "WIPtask-rest_boldSENSE",
    "PulseSequenceType": "gradient echo EPI",
    "ReconMatrixPE": 80,
    "RepetitionTime": 2,
    "SeriesDescription": "ImageMRSERIES",
    "SeriesNumber": 4,
    "SliceEncodingDirection": "k",
    "SliceTiming": [
      0.0,
      0.0556,
      0.1111,
      0.1667,
      0.2222,
      0.2778,
      0.3333,
      0.3889,
      0.4444,
      0.5,
      0.5556,
      0.6111,
      0.6667,
      0.7222,
      0.7778,
      0.8333,
      0.8889,
      0.9444,
      1.0,
      1.0556,
      1.1111,
      1.1667,
      1.2222,
      1.2778,
      1.3333,
      1.3889,
      1.4444,
      1.5,
      1.5556,
      1.6111,
      1.6667,
      1.7222,
      1.7778,
      1.8333,
      1.8889,
      1.9444
    ],
    "TaskName": "restingstate",
    "TotalReadoutTime": 0.026945238983542674,
    "UsePhilipsFloatNotDisplayScaling": 1,
    "WaterFatShift": 12,
    "acq_id": "seq",
    "dataset": "ds002790",
    "modality": "bold",
    "subject_id": "0106",
    "task_id": "restingstate"
  },
  "dummy_trs": 0,
  "dvars_nstd": 19.9565007834728,
  "dvars_std": 1.2546113724267787,
  "dvars_vstd": 1.0027099649790794,
  "efc": 0.42056029089575303,
  "fber": 175074.734375,
  "fd_mean": 0.10739800423645608,
  "fd_num": 10,
  "fd_perc": 4.166666666666667,
  "fwhm_avg": 2.0073593018775577,
  "fwhm_x": 1.9639566666666666,
  "fwhm_y": 2.2003,
  "fwhm_z": 1.8578212389660063,
  "gcor": 0.0547487,
  "gsr_x": -0.0183977410197258,
  "gsr_y": 0.010366582311689854,
  "provenance": {
    "md5sum": "f091239faa23f2a24b06a9780d875fda",
    "settings": {
      "fd_thres": 0.2,
      "testing": false
    },
    "software": "mriqc",
    "version": "22.0.0rc1",
    "webapi_port": null,
    "webapi_url": "https://mriqc.nimh.nih.gov/api/v1"
  },
  "size_t": 240,
  "size_x": 80,
  "size_y": 80,
  "size_z": 36,
  "snr": 5.886653546409021,
  "spacing_tr": 2.0,
  "spacing_x": 3.0,
  "spacing_y": 3.0,
  "spacing_z": 3.299999952316284,
  "summary_bg_k": 49.24041397038896,
  "summary_bg_mad": 52.51419204063985,
  "summary_bg_mean": 483.2738037109375,
  "summary_bg_median": 50.59538269042969,
  "summary_bg_n": 156776.0,
  "summary_bg_p05": 7.3740153312683105,
  "summary_bg_p95": 2242.366943359375,
  "summary_bg_stdv": 1416.0770263671875,
  "summary_fg_k": 1.4758441120547916,
  "summary_fg_mad": 3470.3866644296977,
  "summary_fg_mean": 21538.095703125,
  "summary_fg_median": 21373.5234375,
  "summary_fg_n": 33357.0,
  "summary_fg_p05": 15909.432421875,
  "summary_fg_p95": 27406.548046875,
  "summary_fg_stdv": 3630.7900390625,
  "tsnr": 83.87358093261719
}