{
  "aor": 0.0033077037037037033,
  "aqi": 0.005392556518518518,
  "bids_meta": {
    "AcquisitionNumber": 8,
    "BidsifyVersion": "0.3.5",
    "ConversionSoftware": "dcm2niix",
    "ConversionSoftwareVersion": "v1.0.20181125  GCC6.3.0",
    "EchoTime": 0.02763,
    "EffectiveEchoSpacing": 0.0006909035636805814,
    "FlipAngle": 76.1,
    "ImageComments": "PIOP2",
    "ImageOrientationPatientDICOM": [
      0.995361,
      0.0953606,
      -0.0127637,
      -0.0953164,
      0.995439,
      0.00402756
    ],
    "Manufacturer": "Philips",
    "NumberOfVolumesDiscardedByScanner": 2,
    "ParallelAcquisitionTechnique": "SENSE",
    "ParallelReductionFactorInPlane": 2,
    "PatientPosition": "HFS",
    "PhaseEncodingDirection": "j",
    "PhilipsRescaleIntercept": 0,
    "PhilipsRescaleSlope": 0.79805,
    "PhilipsScaleSlope": 0.0644516,
    "ProtocolName": "WIPtask-harriri_boldSENSE",
    "PulseSequenceType": "gradient echo EPI",
    "ReconMatrixPE": 80,
    "RepetitionTime": 2,
    "SeriesDescription": "ImageMRSERIES",
    "SeriesNumber": 8,
    "SliceEncodingDirection": "k",
    "SliceTiming": [
      0.0,
      0.0556,
      0.1111,
      0.1667,
      0.2222,
      0.2778,
      0.3333,
      0.3889,
      0.4444,
      0.5,
      0.5556,
      0.6111,
      0.6667,
      0.7222,
      0.7778,
      0.8333,
      0.8889,
      0.9444,
      1.0,
      1.0556,
      1.1111,
      1.1667,
      1.2222,
      1.2778,
      1.3333,
      1.3889,
      1.4444,
      1.5,
      1.5556,
      1.6111,
      1.6667,
      1.7222,
      1.7778,
      1.8333,
      1.8889,
      1.9444
    ],
    "TaskName": "emomatching",
    "TotalReadoutTime": 0.026945238983542674,
    "UsePhilipsFloatNotDisplayScaling": 1,
    "WaterFatShift": 12,
    "acq_id": "seq",
    "dataset": "ds002790",
    "modality": "bold",
    "subject_id": "0106",
    "task_id": "emomatching"
  },
  "dummy_trs": 0,
  "dvars_nstd": 18.357986335970153,
  "dvars_std": 1.208902508880597,
  "dvars_vstd": 1.0283112165671642,
  "efc": 0.42166280584736887,
  "fber": 168778.421875,
  "fd_mean": 0.13295802461493775,
  "fd_num": 14,
  "fd_perc": 10.37037037037037,
  "fwhm_avg": 2.014922938316609,
  "fwhm_x": 1.9696833333333332,
  "fwhm_y": 2.2016066666666667,
  "fwhm_z": 1.8734788149498276,
  "gcor": 0.0583341,
  "gsr_x": -0.018657764419913292,
  "gsr_y": 0.010690339840948582,
  "provenance": {
    "md5sum": "4f7e7f35aa054800532e19c4a94afdb6",
    "settings": {
      "fd_thres": 0.2,
      "testing": false
    },
    "software": "mriqc",
    "version": "22.0.0rc1",
    "webapi_port": null,
    "webapi_url": "https://mriqc.nimh.nih.gov/api/v1"
  },
  "size_t": 135,
  "size_x": 80,
  "size_y": 80,
  "size_z": 36,
  "snr": 5.881876487736342,
  "spacing_tr": 2.0,
  "spacing_x": 3.0,
  "spacing_y": 3.0,
  "spacing_z": 3.299999952316284,
  "summary_bg_k": 55.637291509428465,
  "summary_bg_mad": 53.88398821409204,
  "summary_bg_mean": 491.48486328125,
  "summary_bg_median": 51.37558364868164,
  "summary_bg_n": 156854.0,
  "summary_bg_p05": 7.469688606262207,
  "summary_bg_p95": 2296.028613281252,
  "summary_bg_stdv": 1436.9739990234375,
  "summary_fg_k": 1.3863248091509632,
  "summary_fg_mad": 3461.899345870245,
  "summary_fg_mean": 21462.09375,
  "summary_fg_median": 21293.642578125,
  "summary_fg_n": 33359.0,
  "summary_fg_p05": 15849.376171875,
  "summary_fg_p95": 27266.643359375,
  "summary_fg_stdv": 3620.158203125,
  "tsnr": 78.82325744628906
}