{
  "aor": 0.00336066371681416,
  "aqi": 0.011794615752212387,
  "bids_meta": {
    "AcquisitionNumber": 7,
    "BidsifyVersion": "0.3.5",
    "ConversionSoftware": "dcm2niix",
    "ConversionSoftwareVersion": "v1.0.20181125  GCC6.3.0",
    "EchoTime": 0.02763,
    "EffectiveEchoSpacing": 0.0006909035636805814,
    "FlipAngle": 76.1,
    "ImageComments": "PIOP2",
    "ImageOrientationPatientDICOM": [
      0.999776,
      0.0118877,
      -0.0175083,
      -0.0137859,
      0.993542,
      -0.112626
    ],
    "Manufacturer": "Philips",
    "NumberOfVolumesDiscardedByScanner": 2,
    "ParallelAcquisitionTechnique": "SENSE",
    "ParallelReductionFactorInPlane": 2,
    "PatientPosition": "HFS",
    "PhaseEncodingDirection": "j",
    "PhilipsRescaleIntercept": 0,
    "PhilipsRescaleSlope": 0.74432,
    "PhilipsScaleSlope": 0.0518515,
    "ProtocolName": "WIPtask-stop_boldSENSE",
    "PulseSequenceType": "gradient echo EPI",
    "ReconMatrixPE": 80,
    "RepetitionTime": 2,
    "SeriesDescription": "ImageMRSERIES",
    "SeriesNumber": 7,
    "SliceEncodingDirection": "k",
    "SliceTiming": [
      0.0,
      0.0556,
      0.1111,
      0.1667,
      0.2222,
      0.2778,
      0.3333,
      0.3889,
      0.4444,
      0.5,
      0.5556,
      0.6111,
      0.6667,
      0.7222,
      0.7778,
      0.8333,
      0.8889,
      0.9444,
      1.0,
      1.0556,
      1.1111,
      1.1667,
      1.2222,
      1.2778,
      1.3333,
      1.3889,
      1.4444,
      1.5,
      1.5556,
      1.6111,
      1.6667,
      1.7222,
      1.7778,
      1.8333,
      1.8889,
      1.9444
    ],
    "TaskName": "stopsignal",
    "TotalReadoutTime": 0.026945238983542674,
    "UsePhilipsFloatNotDisplayScaling": 1,
    "WaterFatShift": 12,
    "acq_id": "seq",
    "dataset": "ds002790",
    "modality": "bold",
    "subject_id": "0088",
    "task_id": "stopsignal"
  },
  "dummy_trs": 0,
  "dvars_nstd": 27.936730846977774,
  "dvars_std": 1.3207773686222222,
  "dvars_vstd": 0.9734194316888893,
  "efc": 0.4355735251328399,
  "fber": 225425.078125,
  "fd_mean": 0.26665941699989437,
  "fd_num": 116,
  "fd_perc": 51.32743362831859,
  "fwhm_avg": 1.9993705139910487,
  "fwhm_x": 1.9339233333333334,
  "fwhm_y": 2.20797,
  "fwhm_z": 1.8562182086398125,
  "gcor": 0.0219845,
  "gsr_x": -0.005603425670415163,
  "gsr_y": 0.012187103740870953,
  "provenance": {
    "md5sum": "620d2eb561106775e895430dd73a3748",
    "settings": {
      "fd_thres": 0.2,
      "testing": false
    },
    "software": "mriqc",
    "version": "22.0.0rc1",
    "webapi_port": null,
    "webapi_url": "https://mriqc.nimh.nih.gov/api/v1"
  },
  "size_t": 226,
  "size_x": 80,
  "size_y": 80,
  "size_z": 36,
  "snr": 5.293846210761042,
  "spacing_tr": 2.0,
  "spacing_x": 3.0,
  "spacing_y": 3.0,
  "spacing_z": 3.299999952316284,
  "summary_bg_k": 46.15248193822479,
  "summary_bg_mad": 58.61040278934835,
  "summary_bg_mean": 761.4714965820312,
  "summary_bg_median": 54.458553314208984,
  "summary_bg_n": 154783.0,
  "summary_bg_p05": 5.437113094329834,
  "summary_bg_p95": 4421.43022460937,
  "summary_bg_stdv": 2267.341064453125,
  "summary_fg_k": 3.920297328303362,
  "summary_fg_mad": 3788.682828215119,
  "summary_fg_mean": 26674.919921875,
  "summary_fg_median": 25993.05078125,
  "summary_fg_n": 35694.0,
  "summary_fg_p05": 20524.984277343752,
  "summary_fg_p95": 35123.115234375,
  "summary_fg_stdv": 4909.9814453125,
  "tsnr": 58.944488525390625
}