{
  "aor": 0.0025835625,
  "aqi": 0.0113765246875,
  "bids_meta": {
    "AcquisitionNumber": 3,
    "BidsifyVersion": "0.3.5",
    "ConversionSoftware": "dcm2niix",
    "ConversionSoftwareVersion": "v1.0.20181125  GCC6.3.0",
    "EchoTime": 0.02763,
    "EffectiveEchoSpacing": 0.0006909035636805814,
    "FlipAngle": 76.1,
    "ImageComments": "PIOP2",
    "ImageOrientationPatientDICOM": [
      0.999776,
      0.0118877,
      -0.0175083,
      -0.0137859,
      0.993542,
      -0.112626
    ],
    "Manufacturer": "Philips",
    "NumberOfVolumesDiscardedByScanner": 2,
    "ParallelAcquisitionTechnique": "SENSE",
    "ParallelReductionFactorInPlane": 2,
    "PatientPosition": "HFS",
    "PhaseEncodingDirection": "j",
    "PhilipsRescaleIntercept": 0,
    "PhilipsRescaleSlope": 0.74652,
    "PhilipsScaleSlope": 0.0510452,
    "ProtocolName": "WIPtask-wm_boldSENSE",
    "PulseSequenceType": "gradient echo EPI",
    "ReconMatrixPE": 80,
    "RepetitionTime": 2,
    "SeriesDescription": "ImageMRSERIES",
    "SeriesNumber": 3,
    "SliceEncodingDirection": "k",
    "SliceTiming": [
      0.0,
      0.0556,
      0.1111,
      0.1667,
      0.2222,
      0.2778,
      0.3333,
      0.3889,
      0.4444,
      0.5,
      0.5556,
      0.6111,
      0.6667,
      0.7222,
      0.7778,
      0.8333,
      0.8889,
      0.9444,
      1.0,
      1.0556,
      1.1111,
      1.1667,
      1.2222,
      1.2778,
      1.3333,
      1.3889,
      1.4444,
      1.5,
      1.5556,
      1.6111,
      1.6667,
      1.7222,
      1.7778,
      1.8333,
      1.8889,
      1.9444
    ],
    "TaskName": "workingmemory",
    "TotalReadoutTime": 0.026945238983542674,
    "UsePhilipsFloatNotDisplayScaling": 1,
    "WaterFatShift": 12,
    "acq_id": "seq",
    "dataset": "ds002790",
    "modality": "bold",
    "subject_id": "0088",
    "task_id": "workingmemory"
  },
  "dummy_trs": 0,
  "dvars_nstd": 20.759033730880496,
  "dvars_std": 1.148624022075472,
  "dvars_vstd": 0.9277853851572323,
  "efc": 0.43461852021454134,
  "fber": 229440.140625,
  "fd_mean": 0.1580460571432128,
  "fd_num": 21,
  "fd_perc": 13.125,
  "fwhm_avg": 1.9982161705658419,
  "fwhm_x": 1.9389533333333333,
  "fwhm_y": 2.19758,
  "fwhm_z": 1.8581151783641927,
  "gcor": 0.0287546,
  "gsr_x": -0.004775781650096178,
  "gsr_y": 0.010083464905619621,
  "provenance": {
    "md5sum": "f84dd77b3c27e51c27d9466e153f77d4",
    "settings": {
      "fd_thres": 0.2,
      "testing": false
    },
    "software": "mriqc",
    "version": "22.0.0rc1",
    "webapi_port": null,
    "webapi_url": "https://mriqc.nimh.nih.gov/api/v1"
  },
  "size_t": 160,
  "size_x": 80,
  "size_y": 80,
  "size_z": 36,
  "snr": 5.327660134125939,
  "spacing_tr": 2.0,
  "spacing_x": 3.0,
  "spacing_y": 3.0,
  "spacing_z": 3.299999952316284,
  "summary_bg_k": 40.85034752077339,
  "summary_bg_mad": 57.798395799796154,
  "summary_bg_mean": 747.03662109375,
  "summary_bg_median": 54.30992126464844,
  "summary_bg_n": 154842.0,
  "summary_bg_p05": 5.261359715461731,
  "summary_bg_p95": 4299.572729492176,
  "summary_bg_stdv": 2227.395263671875,
  "summary_fg_k": 3.8312906423329682,
  "summary_fg_mad": 3782.7813764156767,
  "summary_fg_mean": 26813.3515625,
  "summary_fg_median": 26158.923828125,
  "summary_fg_n": 35590.0,
  "summary_fg_p05": 20603.99228515625,
  "summary_fg_p95": 35309.22148437499,
  "summary_fg_stdv": 4909.9521484375,
  "tsnr": 61.310211181640625
}