{
  "aor": 0.005321703703703703,
  "aqi": 0.00788025162962963,
  "bids_meta": {
    "AcquisitionNumber": 8,
    "BidsifyVersion": "0.3.5",
    "ConversionSoftware": "dcm2niix",
    "ConversionSoftwareVersion": "v1.0.20181125  GCC6.3.0",
    "EchoTime": 0.02763,
    "EffectiveEchoSpacing": 0.0006909035636805814,
    "FlipAngle": 76.1,
    "ImageComments": "PIOP2",
    "ImageOrientationPatientDICOM": [
      0.999776,
      0.0118877,
      -0.0175083,
      -0.0137859,
      0.993542,
      -0.112626
    ],
    "Manufacturer": "Philips",
    "NumberOfVolumesDiscardedByScanner": 2,
    "ParallelAcquisitionTechnique": "SENSE",
    "ParallelReductionFactorInPlane": 2,
    "PatientPosition": "HFS",
    "PhaseEncodingDirection": "j",
    "PhilipsRescaleIntercept": 0,
    "PhilipsRescaleSlope": 0.74579,
    "PhilipsScaleSlope": 0.0508621,
    "ProtocolName": "WIPtask-harriri_boldSENSE",
    "PulseSequenceType": "gradient echo EPI",
    "ReconMatrixPE": 80,
    "RepetitionTime": 2,
    "SeriesDescription": "ImageMRSERIES",
    "SeriesNumber": 8,
    "SliceEncodingDirection": "k",
    "SliceTiming": [
      0.0,
      0.0556,
      0.1111,
      0.1667,
      0.2222,
      0.2778,
      0.3333,
      0.3889,
      0.4444,
      0.5,
      0.5556,
      0.6111,
      0.6667,
      0.7222,
      0.7778,
      0.8333,
      0.8889,
      0.9444,
      1.0,
      1.0556,
      1.1111,
      1.1667,
      1.2222,
      1.2778,
      1.3333,
      1.3889,
      1.4444,
      1.5,
      1.5556,
      1.6111,
      1.6667,
      1.7222,
      1.7778,
      1.8333,
      1.8889,
      1.9444
    ],
    "TaskName": "emomatching",
    "TotalReadoutTime": 0.026945238983542674,
    "UsePhilipsFloatNotDisplayScaling": 1,
    "WaterFatShift": 12,
    "acq_id": "seq",
    "dataset": "ds002790",
    "modality": "bold",
    "subject_id": "0088",
    "task_id": "emomatching"
  },
  "dummy_trs": 0,
  "dvars_nstd": 25.528059959029864,
  "dvars_std": 1.4064218009701486,
  "dvars_vstd": 1.0110731170895524,
  "efc": 0.4349610351341261,
  "fber": 240661.984375,
  "fd_mean": 0.19322412395287514,
  "fd_num": 34,
  "fd_perc": 25.185185185185187,
  "fwhm_avg": 2.0054353625057013,
  "fwhm_x": 1.9372966666666667,
  "fwhm_y": 2.2166033333333335,
  "fwhm_z": 1.862406087517104,
  "gcor": 0.020974,
  "gsr_x": -0.0048624430783092976,
  "gsr_y": 0.011552255600690842,
  "provenance": {
    "md5sum": "31ddad06b72553477de83329b139cbdc",
    "settings": {
      "fd_thres": 0.2,
      "testing": false
    },
    "software": "mriqc",
    "version": "22.0.0rc1",
    "webapi_port": null,
    "webapi_url": "https://mriqc.nimh.nih.gov/api/v1"
  },
  "size_t": 135,
  "size_x": 80,
  "size_y": 80,
  "size_z": 36,
  "snr": 5.180698201983371,
  "spacing_tr": 2.0,
  "spacing_x": 3.0,
  "spacing_y": 3.0,
  "spacing_z": 3.299999952316284,
  "summary_bg_k": 45.38675672749851,
  "summary_bg_mad": 53.8018656395203,
  "summary_bg_mean": 756.9015502929688,
  "summary_bg_median": 52.542335510253906,
  "summary_bg_n": 154814.0,
  "summary_bg_p05": 5.410644507408143,
  "summary_bg_p95": 4461.962792968756,
  "summary_bg_stdv": 2265.790771484375,
  "summary_fg_k": 4.083121997748182,
  "summary_fg_mad": 3813.9247101266687,
  "summary_fg_mean": 26767.17578125,
  "summary_fg_median": 26080.7109375,
  "summary_fg_n": 35692.0,
  "summary_fg_p05": 20576.77998046875,
  "summary_fg_p95": 35496.766601562485,
  "summary_fg_stdv": 5034.13720703125,
  "tsnr": 74.00459289550781
}