{
  "aor": 0.0018740000000000002,
  "aqi": 0.003190910791666667,
  "bids_meta": {
    "AcquisitionNumber": 4,
    "BidsifyVersion": "0.3.5",
    "ConversionSoftware": "dcm2niix",
    "ConversionSoftwareVersion": "v1.0.20181125  GCC6.3.0",
    "EchoTime": 0.02763,
    "EffectiveEchoSpacing": 0.0006909035636805814,
    "FlipAngle": 76.1,
    "ImageComments": "PIOP2",
    "ImageOrientationPatientDICOM": [
      0.999503,
      0.0169297,
      -0.0265743,
      -0.0177954,
      0.999307,
      -0.0326873
    ],
    "Manufacturer": "Philips",
    "NumberOfVolumesDiscardedByScanner": 2,
    "ParallelAcquisitionTechnique": "SENSE",
    "ParallelReductionFactorInPlane": 2,
    "PatientPosition": "HFS",
    "PhaseEncodingDirection": "j",
    "PhilipsRescaleIntercept": 0,
    "PhilipsRescaleSlope": 0.83639,
    "PhilipsScaleSlope": 0.0562909,
    "ProtocolName": "WIPtask-rest_boldSENSE",
    "PulseSequenceType": "gradient echo EPI",
    "ReconMatrixPE": 80,
    "RepetitionTime": 2,
    "SeriesDescription": "ImageMRSERIES",
    "SeriesNumber": 4,
    "SliceEncodingDirection": "k",
    "SliceTiming": [
      0.0,
      0.0556,
      0.1111,
      0.1667,
      0.2222,
      0.2778,
      0.3333,
      0.3889,
      0.4444,
      0.5,
      0.5556,
      0.6111,
      0.6667,
      0.7222,
      0.7778,
      0.8333,
      0.8889,
      0.9444,
      1.0,
      1.0556,
      1.1111,
      1.1667,
      1.2222,
      1.2778,
      1.3333,
      1.3889,
      1.4444,
      1.5,
      1.5556,
      1.6111,
      1.6667,
      1.7222,
      1.7778,
      1.8333,
      1.8889,
      1.9444
    ],
    "TaskName": "restingstate",
    "TotalReadoutTime": 0.026945238983542674,
    "UsePhilipsFloatNotDisplayScaling": 1,
    "WaterFatShift": 12,
    "acq_id": "seq",
    "dataset": "ds002790",
    "modality": "bold",
    "subject_id": "0192",
    "task_id": "restingstate"
  },
  "dummy_trs": 0,
  "dvars_nstd": 17.42464814924687,
  "dvars_std": 1.225566925899582,
  "dvars_vstd": 1.0029668874476994,
  "efc": 0.41307031551232826,
  "fber": 259339.234375,
  "fd_mean": 0.11759894785029776,
  "fd_num": 28,
  "fd_perc": 11.666666666666666,
  "fwhm_avg": 2.0040768777916997,
  "fwhm_x": 1.9419700000000002,
  "fwhm_y": 2.179933333333333,
  "fwhm_z": 1.8903273000417666,
  "gcor": 0.0468134,
  "gsr_x": -0.014284360222518444,
  "gsr_y": 0.010215782560408115,
  "provenance": {
    "md5sum": "4d778c5e740a96ce24e03086775ebcd8",
    "settings": {
      "fd_thres": 0.2,
      "testing": false
    },
    "software": "mriqc",
    "version": "22.0.0rc1",
    "webapi_port": null,
    "webapi_url": "https://mriqc.nimh.nih.gov/api/v1"
  },
  "size_t": 240,
  "size_x": 80,
  "size_y": 80,
  "size_z": 36,
  "snr": 5.852409291188805,
  "spacing_tr": 2.0,
  "spacing_x": 3.0,
  "spacing_y": 3.0,
  "spacing_z": 3.299999952316284,
  "summary_bg_k": 111.89119604145769,
  "summary_bg_mad": 50.242892712051244,
  "summary_bg_mean": 430.0277404785156,
  "summary_bg_median": 47.734397888183594,
  "summary_bg_n": 156726.0,
  "summary_bg_p05": 4.594646215438843,
  "summary_bg_p95": 1833.010009765625,
  "summary_bg_stdv": 1472.3720703125,
  "summary_fg_k": 1.5199568989849892,
  "summary_fg_mad": 4094.7214623307473,
  "summary_fg_mean": 25157.509765625,
  "summary_fg_median": 24787.658203125,
  "summary_fg_n": 34006.0,
  "summary_fg_p05": 19369.95849609375,
  "summary_fg_p95": 32281.3857421875,
  "summary_fg_stdv": 4235.39990234375,
  "tsnr": 98.64016723632812
}