{
  "aor": 0.0028517040358744397,
  "aqi": 0.006733063766816143,
  "bids_meta": {
    "AcquisitionNumber": 7,
    "BidsifyVersion": "0.3.5",
    "ConversionSoftware": "dcm2niix",
    "ConversionSoftwareVersion": "v1.0.20181125  GCC6.3.0",
    "EchoTime": 0.02763,
    "EffectiveEchoSpacing": 0.0006909035636805814,
    "FlipAngle": 76.1,
    "ImageComments": "PIOP2",
    "ImageOrientationPatientDICOM": [
      0.999503,
      0.0169297,
      -0.0265743,
      -0.0177954,
      0.999307,
      -0.0326873
    ],
    "Manufacturer": "Philips",
    "NumberOfVolumesDiscardedByScanner": 2,
    "ParallelAcquisitionTechnique": "SENSE",
    "ParallelReductionFactorInPlane": 2,
    "PatientPosition": "HFS",
    "PhaseEncodingDirection": "j",
    "PhilipsRescaleIntercept": 0,
    "PhilipsRescaleSlope": 0.85446,
    "PhilipsScaleSlope": 0.0568975,
    "ProtocolName": "WIPtask-stop_boldSENSE",
    "PulseSequenceType": "gradient echo EPI",
    "ReconMatrixPE": 80,
    "RepetitionTime": 2,
    "SeriesDescription": "ImageMRSERIES",
    "SeriesNumber": 7,
    "SliceEncodingDirection": "k",
    "SliceTiming": [
      0.0,
      0.0556,
      0.1111,
      0.1667,
      0.2222,
      0.2778,
      0.3333,
      0.3889,
      0.4444,
      0.5,
      0.5556,
      0.6111,
      0.6667,
      0.7222,
      0.7778,
      0.8333,
      0.8889,
      0.9444,
      1.0,
      1.0556,
      1.1111,
      1.1667,
      1.2222,
      1.2778,
      1.3333,
      1.3889,
      1.4444,
      1.5,
      1.5556,
      1.6111,
      1.6667,
      1.7222,
      1.7778,
      1.8333,
      1.8889,
      1.9444
    ],
    "TaskName": "stopsignal",
    "TotalReadoutTime": 0.026945238983542674,
    "UsePhilipsFloatNotDisplayScaling": 1,
    "WaterFatShift": 12,
    "acq_id": "seq",
    "dataset": "ds002790",
    "modality": "bold",
    "subject_id": "0192",
    "task_id": "stopsignal"
  },
  "dummy_trs": 0,
  "dvars_nstd": 16.61504709387388,
  "dvars_std": 1.1449740719819823,
  "dvars_vstd": 0.9784992301801806,
  "efc": 0.4149872456744204,
  "fber": 249465.734375,
  "fd_mean": 0.11517647281781497,
  "fd_num": 22,
  "fd_perc": 9.865470852017937,
  "fwhm_avg": 1.9969136453968472,
  "fwhm_x": 1.9229333333333332,
  "fwhm_y": 2.19235,
  "fwhm_z": 1.8754576028572083,
  "gcor": 0.0215474,
  "gsr_x": -0.01459408923983574,
  "gsr_y": 0.009680679999291897,
  "provenance": {
    "md5sum": "f9aa3b442fec3c65cb767b10a6fa876d",
    "settings": {
      "fd_thres": 0.2,
      "testing": false
    },
    "software": "mriqc",
    "version": "22.0.0rc1",
    "webapi_port": null,
    "webapi_url": "https://mriqc.nimh.nih.gov/api/v1"
  },
  "size_t": 223,
  "size_x": 80,
  "size_y": 80,
  "size_z": 36,
  "snr": 5.911622242488578,
  "spacing_tr": 2.0,
  "spacing_x": 3.0,
  "spacing_y": 3.0,
  "spacing_z": 3.299999952316284,
  "summary_bg_k": 103.70290877405455,
  "summary_bg_mad": 51.18459289608304,
  "summary_bg_mean": 445.2094421386719,
  "summary_bg_median": 49.224708557128906,
  "summary_bg_n": 156579.0,
  "summary_bg_p05": 5.323251771926881,
  "summary_bg_p95": 1906.7158081054688,
  "summary_bg_stdv": 1497.09716796875,
  "summary_fg_k": 1.494194183385897,
  "summary_fg_mad": 4095.138444204702,
  "summary_fg_mean": 25295.708984375,
  "summary_fg_median": 24948.162109375,
  "summary_fg_n": 34106.0,
  "summary_fg_p05": 19492.9228515625,
  "summary_fg_p95": 32451.2548828125,
  "summary_fg_stdv": 4220.126953125,
  "tsnr": 79.77224731445312
}