{
  "aor": 0.002603846153846154,
  "aqi": 0.0022318500904977374,
  "bids_meta": {
    "AcquisitionNumber": 7,
    "BidsifyVersion": "0.3.5",
    "ConversionSoftware": "dcm2niix",
    "ConversionSoftwareVersion": "v1.0.20181125  GCC6.3.0",
    "EchoTime": 0.02763,
    "EffectiveEchoSpacing": 0.0006909035636805814,
    "FlipAngle": 76.1,
    "ImageComments": "PIOP2",
    "ImageOrientationPatientDICOM": [
      0.999412,
      -0.03383,
      0.00554915,
      0.0338524,
      0.999419,
      -0.00400322
    ],
    "Manufacturer": "Philips",
    "NumberOfVolumesDiscardedByScanner": 2,
    "ParallelAcquisitionTechnique": "SENSE",
    "ParallelReductionFactorInPlane": 2,
    "PatientPosition": "HFS",
    "PhaseEncodingDirection": "j",
    "PhilipsRescaleIntercept": 0,
    "PhilipsRescaleSlope": 0.79463,
    "PhilipsScaleSlope": 0.0589165,
    "ProtocolName": "WIPtask-stop_boldSENSE",
    "PulseSequenceType": "gradient echo EPI",
    "ReconMatrixPE": 80,
    "RepetitionTime": 2,
    "SeriesDescription": "ImageMRSERIES",
    "SeriesNumber": 7,
    "SliceEncodingDirection": "k",
    "SliceTiming": [
      0.0,
      0.0556,
      0.1111,
      0.1667,
      0.2222,
      0.2778,
      0.3333,
      0.3889,
      0.4444,
      0.5,
      0.5556,
      0.6111,
      0.6667,
      0.7222,
      0.7778,
      0.8333,
      0.8889,
      0.9444,
      1.0,
      1.0556,
      1.1111,
      1.1667,
      1.2222,
      1.2778,
      1.3333,
      1.3889,
      1.4444,
      1.5,
      1.5556,
      1.6111,
      1.6667,
      1.7222,
      1.7778,
      1.8333,
      1.8889,
      1.9444
    ],
    "TaskName": "stopsignal",
    "TotalReadoutTime": 0.026945238983542674,
    "UsePhilipsFloatNotDisplayScaling": 1,
    "WaterFatShift": 12,
    "acq_id": "seq",
    "dataset": "ds002790",
    "modality": "bold",
    "subject_id": "0184",
    "task_id": "stopsignal"
  },
  "dummy_trs": 0,
  "dvars_nstd": 15.295991546409095,
  "dvars_std": 1.2214840020454547,
  "dvars_vstd": 1.0295410498181823,
  "efc": 0.4343059109872739,
  "fber": 232303.234375,
  "fd_mean": 0.07105143333665508,
  "fd_num": 0,
  "fd_perc": 0.0,
  "fwhm_avg": 1.9417764735143805,
  "fwhm_x": 1.8824166666666666,
  "fwhm_y": 2.1017733333333335,
  "fwhm_z": 1.841139420543142,
  "gcor": 0.0224,
  "gsr_x": -0.014942323789000511,
  "gsr_y": 0.01397736370563507,
  "provenance": {
    "md5sum": "d484be9b9b9946e44088361f088b5c53",
    "settings": {
      "fd_thres": 0.2,
      "testing": false
    },
    "software": "mriqc",
    "version": "22.0.0rc1",
    "webapi_port": null,
    "webapi_url": "https://mriqc.nimh.nih.gov/api/v1"
  },
  "size_t": 221,
  "size_x": 80,
  "size_y": 80,
  "size_z": 36,
  "snr": 5.656021619454226,
  "spacing_tr": 2.0,
  "spacing_x": 3.0,
  "spacing_y": 3.0,
  "spacing_z": 3.299999952316284,
  "summary_bg_k": 53.671720206148976,
  "summary_bg_mad": 59.53484961876272,
  "summary_bg_mean": 657.5250854492188,
  "summary_bg_median": 52.055694580078125,
  "summary_bg_n": 154630.0,
  "summary_bg_p05": 4.982406044006348,
  "summary_bg_p95": 3637.8383056640596,
  "summary_bg_stdv": 1761.9794921875,
  "summary_fg_k": 1.3978650020407768,
  "summary_fg_mad": 4352.159990324717,
  "summary_fg_mean": 25881.607421875,
  "summary_fg_median": 25457.08203125,
  "summary_fg_n": 35200.0,
  "summary_fg_p05": 19424.13681640625,
  "summary_fg_p95": 33359.5580078125,
  "summary_fg_stdv": 4500.8173828125,
  "tsnr": 116.58543395996094
}