{
  "bids_meta": {
    "AcquisitionNumber": 2,
    "BidsifyVersion": "0.3.5",
    "ConversionSoftware": "dcm2niix",
    "ConversionSoftwareVersion": "v1.0.20181125  GCC6.3.0",
    "EchoTime": 0.00373,
    "ImageComments": "PIOP2",
    "ImageOrientationPatientDICOM": [
      0.99946,
      -0.0175057,
      -0.0278195,
      0.0176201,
      0.999837,
      0.00387354
    ],
    "Manufacturer": "Philips",
    "PatientPosition": "HFS",
    "PhilipsRescaleIntercept": 0,
    "PhilipsRescaleSlope": 9.47131,
    "PhilipsScaleSlope": 0.00735674,
    "ProtocolName": "WIPT1anat_acq-6m_T1wSENSE",
    "ReconMatrixPE": 240,
    "RepetitionTime": 0.008164,
    "SeriesDescription": "ImageMRSERIES",
    "SeriesNumber": 2,
    "UsePhilipsFloatNotDisplayScaling": 1,
    "dataset": "ds002790",
    "modality": "T1w",
    "subject_id": "0213"
  },
  "cjv": 0.24831193578295807,
  "cnr": 5.348581007531397,
  "efc": 0.7493170045778276,
  "fber": -1.0,
  "fwhm_avg": 5.172553243152529,
  "fwhm_x": 4.891629416872332,
  "fwhm_y": 5.244310312585253,
  "fwhm_z": 5.38172,
  "icvs_csf": 0.23559556421021305,
  "icvs_gm": 0.41753015759002954,
  "icvs_wm": 0.3468742781997574,
  "inu_med": 0.49926939606666565,
  "inu_range": 0.15302246659994123,
  "provenance": {
    "md5sum": "6ebd0a88ffea2acc08d8747967a16875",
    "settings": {
      "testing": false
    },
    "software": "mriqc",
    "version": "23.0.1",
    "warnings": {
      "large_rot_frame": true,
      "small_air_mask": true
    },
    "webapi_port": null,
    "webapi_url": "https://mriqc.nimh.nih.gov/api/v1"
  },
  "qi_1": 0.0,
  "qi_2": 0.0001187851978528857,
  "rpve_csf": 20.109406061227894,
  "rpve_gm": 11.584564362586631,
  "rpve_wm": 17.305946344307195,
  "size_x": 240,
  "size_y": 240,
  "size_z": 220,
  "snr_csf": 1.5271925271501476,
  "snr_gm": 9.885215930052688,
  "snr_total": 13.802715959354552,
  "snr_wm": 29.995739420860826,
  "snrd_csf": 30.00110194986482,
  "snrd_gm": 134.28103198735457,
  "snrd_total": 126.97446026603434,
  "snrd_wm": 216.64124686088365,
  "spacing_x": 1.0000001192092896,
  "spacing_y": 0.9999999403953552,
  "spacing_z": 1.0,
  "summary_bg_k": 53.668828918221365,
  "summary_bg_mad": 0.0,
  "summary_bg_mean": 0.7963340434757941,
  "summary_bg_median": 0.0,
  "summary_bg_n": 114999.0,
  "summary_bg_p05": 0.0,
  "summary_bg_p95": 5.137414500117302,
  "summary_bg_stdv": 3.024061268054482,
  "summary_csf_k": 0.7542866037139682,
  "summary_csf_mad": 84.22229467259577,
  "summary_csf_mean": 154.7663494261074,
  "summary_csf_median": 138.48287227749825,
  "summary_csf_n": 53137.0,
  "summary_csf_p05": 33.71144116669893,
  "summary_csf_p95": 330.8631329610944,
  "summary_csf_stdv": 90.67721766286786,
  "summary_gm_k": 0.16292296098881254,
  "summary_gm_mad": 63.6975337859968,
  "summary_gm_mean": 621.4299026697175,
  "summary_gm_median": 619.8313326314092,
  "summary_gm_n": 52573.0,
  "summary_gm_p05": 523.3797851800919,
  "summary_gm_p95": 724.552753512561,
  "summary_gm_stdv": 62.7022658918614,
  "summary_wm_k": 0.6244786326583949,
  "summary_wm_mad": 30.702885332827027,
  "summary_wm_mean": 999.5904367398095,
  "summary_wm_median": 1000.0000056400895,
  "summary_wm_n": 248481.0,
  "summary_wm_p05": 944.0794761255383,
  "summary_wm_p95": 1054.0337855815887,
  "summary_wm_stdv": 33.338001086791294,
  "tpm_overlap_csf": 0.15557437426093765,
  "tpm_overlap_gm": 0.46273810385348385,
  "tpm_overlap_wm": 0.5079191216693512,
  "wm2max": 0.7458124237081243
}