{
  "aor": 0.00203725,
  "aqi": 0.0034550836875,
  "bids_meta": {
    "AcquisitionNumber": 3,
    "BidsifyVersion": "0.3.5",
    "ConversionSoftware": "dcm2niix",
    "ConversionSoftwareVersion": "v1.0.20181125  GCC6.3.0",
    "EchoTime": 0.02763,
    "EffectiveEchoSpacing": 0.0006909035636805814,
    "FlipAngle": 76.1,
    "ImageComments": "PIOP2",
    "ImageOrientationPatientDICOM": [
      0.999202,
      -0.0324266,
      0.0233399,
      0.0376869,
      0.958921,
      -0.281159
    ],
    "Manufacturer": "Philips",
    "NumberOfVolumesDiscardedByScanner": 2,
    "ParallelAcquisitionTechnique": "SENSE",
    "ParallelReductionFactorInPlane": 2,
    "PatientPosition": "HFS",
    "PhaseEncodingDirection": "j",
    "PhilipsRescaleIntercept": 0,
    "PhilipsRescaleSlope": 0.81905,
    "PhilipsScaleSlope": 0.0540164,
    "ProtocolName": "WIPtask-wm_boldSENSE",
    "PulseSequenceType": "gradient echo EPI",
    "ReconMatrixPE": 80,
    "RepetitionTime": 2,
    "SeriesDescription": "ImageMRSERIES",
    "SeriesNumber": 3,
    "SliceEncodingDirection": "k",
    "SliceTiming": [
      0.0,
      0.0556,
      0.1111,
      0.1667,
      0.2222,
      0.2778,
      0.3333,
      0.3889,
      0.4444,
      0.5,
      0.5556,
      0.6111,
      0.6667,
      0.7222,
      0.7778,
      0.8333,
      0.8889,
      0.9444,
      1.0,
      1.0556,
      1.1111,
      1.1667,
      1.2222,
      1.2778,
      1.3333,
      1.3889,
      1.4444,
      1.5,
      1.5556,
      1.6111,
      1.6667,
      1.7222,
      1.7778,
      1.8333,
      1.8889,
      1.9444
    ],
    "TaskName": "workingmemory",
    "TotalReadoutTime": 0.026945238983542674,
    "UsePhilipsFloatNotDisplayScaling": 1,
    "WaterFatShift": 12,
    "acq_id": "seq",
    "dataset": "ds002790",
    "modality": "bold",
    "subject_id": "0045",
    "task_id": "workingmemory"
  },
  "dummy_trs": 0,
  "dvars_nstd": 16.133650599874215,
  "dvars_std": 1.1922088399999995,
  "dvars_vstd": 0.9987946609433964,
  "efc": 0.4278384548881369,
  "fber": 232366.8125,
  "fd_mean": 0.08545555008282767,
  "fd_num": 6,
  "fd_perc": 3.75,
  "fwhm_avg": 1.9139526348868985,
  "fwhm_x": 1.8730233333333333,
  "fwhm_y": 2.07828,
  "fwhm_z": 1.7905545713273623,
  "gcor": 0.0327334,
  "gsr_x": -0.015661606565117836,
  "gsr_y": 0.01561786513775587,
  "provenance": {
    "md5sum": "907c1405dae5abbb89f27c45ff15357d",
    "settings": {
      "fd_thres": 0.2,
      "testing": false
    },
    "software": "mriqc",
    "version": "22.0.0rc1",
    "webapi_port": null,
    "webapi_url": "https://mriqc.nimh.nih.gov/api/v1"
  },
  "size_t": 160,
  "size_x": 80,
  "size_y": 80,
  "size_z": 36,
  "snr": 6.222399871418714,
  "spacing_tr": 2.0,
  "spacing_x": 3.0,
  "spacing_y": 3.0,
  "spacing_z": 3.299999952316284,
  "summary_bg_k": 79.46874449134582,
  "summary_bg_mad": 53.740343874354494,
  "summary_bg_mean": 583.1251831054688,
  "summary_bg_median": 51.487342834472656,
  "summary_bg_n": 154718.0,
  "summary_bg_p05": 5.835499143600464,
  "summary_bg_p95": 2737.2124633789062,
  "summary_bg_stdv": 1785.5648193359375,
  "summary_fg_k": 1.678876837434907,
  "summary_fg_mad": 3735.8057621779676,
  "summary_fg_mean": 26042.98046875,
  "summary_fg_median": 25606.126953125,
  "summary_fg_n": 34494.0,
  "summary_fg_p05": 20347.48583984375,
  "summary_fg_p95": 33129.9494140625,
  "summary_fg_stdv": 4115.09326171875,
  "tsnr": 100.20808410644531
}