{
  "aor": 0.0044130172413793115,
  "aqi": 0.006964016379310344,
  "bids_meta": {
    "AcquisitionNumber": 7,
    "BidsifyVersion": "0.3.5",
    "ConversionSoftware": "dcm2niix",
    "ConversionSoftwareVersion": "v1.0.20181125  GCC6.3.0",
    "EchoTime": 0.02763,
    "EffectiveEchoSpacing": 0.0006909035636805814,
    "FlipAngle": 76.1,
    "ImageComments": "PIOP2",
    "ImageOrientationPatientDICOM": [
      0.999202,
      -0.0324266,
      0.0233399,
      0.0376869,
      0.958921,
      -0.281159
    ],
    "Manufacturer": "Philips",
    "NumberOfVolumesDiscardedByScanner": 2,
    "ParallelAcquisitionTechnique": "SENSE",
    "ParallelReductionFactorInPlane": 2,
    "PatientPosition": "HFS",
    "PhaseEncodingDirection": "j",
    "PhilipsRescaleIntercept": 0,
    "PhilipsRescaleSlope": 0.78974,
    "PhilipsScaleSlope": 0.0559021,
    "ProtocolName": "WIPtask-stop_boldSENSE",
    "PulseSequenceType": "gradient echo EPI",
    "ReconMatrixPE": 80,
    "RepetitionTime": 2,
    "SeriesDescription": "ImageMRSERIES",
    "SeriesNumber": 7,
    "SliceEncodingDirection": "k",
    "SliceTiming": [
      0.0,
      0.0556,
      0.1111,
      0.1667,
      0.2222,
      0.2778,
      0.3333,
      0.3889,
      0.4444,
      0.5,
      0.5556,
      0.6111,
      0.6667,
      0.7222,
      0.7778,
      0.8333,
      0.8889,
      0.9444,
      1.0,
      1.0556,
      1.1111,
      1.1667,
      1.2222,
      1.2778,
      1.3333,
      1.3889,
      1.4444,
      1.5,
      1.5556,
      1.6111,
      1.6667,
      1.7222,
      1.7778,
      1.8333,
      1.8889,
      1.9444
    ],
    "TaskName": "stopsignal",
    "TotalReadoutTime": 0.026945238983542674,
    "UsePhilipsFloatNotDisplayScaling": 1,
    "WaterFatShift": 12,
    "acq_id": "seq",
    "dataset": "ds002790",
    "modality": "bold",
    "subject_id": "0045",
    "task_id": "stopsignal"
  },
  "dummy_trs": 0,
  "dvars_nstd": 19.50770560601731,
  "dvars_std": 1.2349395753246752,
  "dvars_vstd": 1.0094480607792213,
  "efc": 0.42878802240783237,
  "fber": 216397.53125,
  "fd_mean": 0.1343288655704927,
  "fd_num": 36,
  "fd_perc": 15.517241379310345,
  "fwhm_avg": 1.907645867116705,
  "fwhm_x": 1.87584,
  "fwhm_y": 2.07594,
  "fwhm_z": 1.771157601350114,
  "gcor": 0.0199155,
  "gsr_x": -0.01575300842523575,
  "gsr_y": 0.016555756330490112,
  "provenance": {
    "md5sum": "2945953abce1fcc835d2e383f912c436",
    "settings": {
      "fd_thres": 0.2,
      "testing": false
    },
    "software": "mriqc",
    "version": "22.0.0rc1",
    "webapi_port": null,
    "webapi_url": "https://mriqc.nimh.nih.gov/api/v1"
  },
  "size_t": 232,
  "size_x": 80,
  "size_y": 80,
  "size_z": 36,
  "snr": 6.188271660235592,
  "spacing_tr": 2.0,
  "spacing_x": 3.0,
  "spacing_y": 3.0,
  "spacing_z": 3.299999952316284,
  "summary_bg_k": 82.9248882031781,
  "summary_bg_mad": 56.24947650760723,
  "summary_bg_mean": 589.9148559570312,
  "summary_bg_median": 52.9188346862793,
  "summary_bg_n": 154687.0,
  "summary_bg_p05": 5.668065404891967,
  "summary_bg_p95": 2805.588623046868,
  "summary_bg_stdv": 1780.2406005859375,
  "summary_fg_k": 1.7457850492593172,
  "summary_fg_mad": 3691.6317449058915,
  "summary_fg_mean": 25819.072265625,
  "summary_fg_median": 25350.38671875,
  "summary_fg_n": 34486.0,
  "summary_fg_p05": 20163.69873046875,
  "summary_fg_p95": 32892.28125,
  "summary_fg_stdv": 4096.4619140625,
  "tsnr": 77.73146057128906
}