{
  "aor": 0.0028547916666666665,
  "aqi": 0.004476041249999999,
  "bids_meta": {
    "AcquisitionNumber": 4,
    "BidsifyVersion": "0.3.5",
    "ConversionSoftware": "dcm2niix",
    "ConversionSoftwareVersion": "v1.0.20181125  GCC6.3.0",
    "EchoTime": 0.02763,
    "EffectiveEchoSpacing": 0.0006909035636805814,
    "FlipAngle": 76.1,
    "ImageComments": "PIOP2",
    "ImageOrientationPatientDICOM": [
      0.999202,
      -0.0324266,
      0.0233399,
      0.0376869,
      0.958921,
      -0.281159
    ],
    "Manufacturer": "Philips",
    "NumberOfVolumesDiscardedByScanner": 2,
    "ParallelAcquisitionTechnique": "SENSE",
    "ParallelReductionFactorInPlane": 2,
    "PatientPosition": "HFS",
    "PhaseEncodingDirection": "j",
    "PhilipsRescaleIntercept": 0,
    "PhilipsRescaleSlope": 0.81099,
    "PhilipsScaleSlope": 0.0557431,
    "ProtocolName": "WIPtask-rest_boldSENSE",
    "PulseSequenceType": "gradient echo EPI",
    "ReconMatrixPE": 80,
    "RepetitionTime": 2,
    "SeriesDescription": "ImageMRSERIES",
    "SeriesNumber": 4,
    "SliceEncodingDirection": "k",
    "SliceTiming": [
      0.0,
      0.0556,
      0.1111,
      0.1667,
      0.2222,
      0.2778,
      0.3333,
      0.3889,
      0.4444,
      0.5,
      0.5556,
      0.6111,
      0.6667,
      0.7222,
      0.7778,
      0.8333,
      0.8889,
      0.9444,
      1.0,
      1.0556,
      1.1111,
      1.1667,
      1.2222,
      1.2778,
      1.3333,
      1.3889,
      1.4444,
      1.5,
      1.5556,
      1.6111,
      1.6667,
      1.7222,
      1.7778,
      1.8333,
      1.8889,
      1.9444
    ],
    "TaskName": "restingstate",
    "TotalReadoutTime": 0.026945238983542674,
    "UsePhilipsFloatNotDisplayScaling": 1,
    "WaterFatShift": 12,
    "acq_id": "seq",
    "dataset": "ds002790",
    "modality": "bold",
    "subject_id": "0045",
    "task_id": "restingstate"
  },
  "dummy_trs": 0,
  "dvars_nstd": 18.06771606004184,
  "dvars_std": 1.2268615951046027,
  "dvars_vstd": 1.0249433482426786,
  "efc": 0.42822924731653145,
  "fber": 218909.421875,
  "fd_mean": 0.1267759855191772,
  "fd_num": 28,
  "fd_perc": 11.666666666666666,
  "fwhm_avg": 1.897840109566183,
  "fwhm_x": 1.85989,
  "fwhm_y": 2.0572333333333335,
  "fwhm_z": 1.7763969953652152,
  "gcor": 0.0362221,
  "gsr_x": -0.01590839773416519,
  "gsr_y": 0.016892336308956146,
  "provenance": {
    "md5sum": "7dc4d2affbd3963a7225974ebe08faa7",
    "settings": {
      "fd_thres": 0.2,
      "testing": false
    },
    "software": "mriqc",
    "version": "22.0.0rc1",
    "webapi_port": null,
    "webapi_url": "https://mriqc.nimh.nih.gov/api/v1"
  },
  "size_t": 240,
  "size_x": 80,
  "size_y": 80,
  "size_z": 36,
  "snr": 6.282382800534697,
  "spacing_tr": 2.0,
  "spacing_x": 3.0,
  "spacing_y": 3.0,
  "spacing_z": 3.299999952316284,
  "summary_bg_k": 89.66743501808759,
  "summary_bg_mad": 57.25087591436666,
  "summary_bg_mean": 580.1410522460938,
  "summary_bg_median": 52.52555847167969,
  "summary_bg_n": 154794.0,
  "summary_bg_p05": 4.88712546825409,
  "summary_bg_p95": 2739.309301757813,
  "summary_bg_stdv": 1769.4058837890625,
  "summary_fg_k": 1.8760911946209706,
  "summary_fg_mad": 3646.591911103868,
  "summary_fg_mean": 25770.306640625,
  "summary_fg_median": 25342.82421875,
  "summary_fg_n": 34396.0,
  "summary_fg_p05": 20223.34326171875,
  "summary_fg_p95": 32685.79296875,
  "summary_fg_stdv": 4033.892333984375,
  "tsnr": 91.10870361328125
}