{
  "aor": 0.006364740740740739,
  "aqi": 0.010794697703703702,
  "bids_meta": {
    "AcquisitionNumber": 8,
    "BidsifyVersion": "0.3.5",
    "ConversionSoftware": "dcm2niix",
    "ConversionSoftwareVersion": "v1.0.20181125  GCC6.3.0",
    "EchoTime": 0.02763,
    "EffectiveEchoSpacing": 0.0006909035636805814,
    "FlipAngle": 76.1,
    "ImageComments": "PIOP2",
    "ImageOrientationPatientDICOM": [
      0.988698,
      0.148179,
      0.0227768,
      -0.147586,
      0.935303,
      0.321601
    ],
    "Manufacturer": "Philips",
    "NumberOfVolumesDiscardedByScanner": 2,
    "ParallelAcquisitionTechnique": "SENSE",
    "ParallelReductionFactorInPlane": 2,
    "PatientPosition": "HFS",
    "PhaseEncodingDirection": "j",
    "PhilipsRescaleIntercept": 0,
    "PhilipsRescaleSlope": 0.74432,
    "PhilipsScaleSlope": 0.0616516,
    "ProtocolName": "WIPtask-harriri_boldSENSE",
    "PulseSequenceType": "gradient echo EPI",
    "ReconMatrixPE": 80,
    "RepetitionTime": 2,
    "SeriesDescription": "ImageMRSERIES",
    "SeriesNumber": 8,
    "SliceEncodingDirection": "k",
    "SliceTiming": [
      0.0,
      0.0556,
      0.1111,
      0.1667,
      0.2222,
      0.2778,
      0.3333,
      0.3889,
      0.4444,
      0.5,
      0.5556,
      0.6111,
      0.6667,
      0.7222,
      0.7778,
      0.8333,
      0.8889,
      0.9444,
      1.0,
      1.0556,
      1.1111,
      1.1667,
      1.2222,
      1.2778,
      1.3333,
      1.3889,
      1.4444,
      1.5,
      1.5556,
      1.6111,
      1.6667,
      1.7222,
      1.7778,
      1.8333,
      1.8889,
      1.9444
    ],
    "TaskName": "emomatching",
    "TotalReadoutTime": 0.026945238983542674,
    "UsePhilipsFloatNotDisplayScaling": 1,
    "WaterFatShift": 12,
    "acq_id": "seq",
    "dataset": "ds002790",
    "modality": "bold",
    "subject_id": "0189",
    "task_id": "emomatching"
  },
  "dummy_trs": 0,
  "dvars_nstd": 21.940856506492555,
  "dvars_std": 1.1849752919402985,
  "dvars_vstd": 0.9797713052985073,
  "efc": 0.42453399946431375,
  "fber": 186023.875,
  "fd_mean": 0.20098749993264434,
  "fd_num": 52,
  "fd_perc": 38.51851851851852,
  "fwhm_avg": 2.2266074849869946,
  "fwhm_x": 2.1008400000000003,
  "fwhm_y": 2.453073333333333,
  "fwhm_z": 2.1259091216276507,
  "gcor": 0.0263568,
  "gsr_x": -0.015003745444118977,
  "gsr_y": 0.01312093622982502,
  "provenance": {
    "md5sum": "5a089eaf43710a22ed8c2a351af46596",
    "settings": {
      "fd_thres": 0.2,
      "testing": false
    },
    "software": "mriqc",
    "version": "22.0.0rc1",
    "webapi_port": null,
    "webapi_url": "https://mriqc.nimh.nih.gov/api/v1"
  },
  "size_t": 135,
  "size_x": 80,
  "size_y": 80,
  "size_z": 36,
  "snr": 5.637871073580383,
  "spacing_tr": 2.0,
  "spacing_x": 3.0,
  "spacing_y": 3.0,
  "spacing_z": 3.299999952316284,
  "summary_bg_k": 65.675173430102,
  "summary_bg_mad": 56.969769598592826,
  "summary_bg_mean": 551.8009033203125,
  "summary_bg_median": 54.16285705566406,
  "summary_bg_n": 156025.0,
  "summary_bg_p05": 4.360974502563477,
  "summary_bg_p95": 2579.4696777343747,
  "summary_bg_stdv": 1686.7255859375,
  "summary_fg_k": 1.974157680003998,
  "summary_fg_mad": 3768.887772032103,
  "summary_fg_mean": 24593.6328125,
  "summary_fg_median": 24090.853515625,
  "summary_fg_n": 34535.0,
  "summary_fg_p05": 18570.446875,
  "summary_fg_p95": 32101.211914062496,
  "summary_fg_stdv": 4272.97900390625,
  "tsnr": 64.82978057861328
}