{
  "aor": 0.0018911304347826088,
  "aqi": 0.003929859608695652,
  "bids_meta": {
    "AcquisitionNumber": 7,
    "BidsifyVersion": "0.3.5",
    "ConversionSoftware": "dcm2niix",
    "ConversionSoftwareVersion": "v1.0.20181125  GCC6.3.0",
    "EchoTime": 0.02763,
    "EffectiveEchoSpacing": 0.0006909035636805814,
    "FlipAngle": 76.1,
    "ImageComments": "PIOP2",
    "ImageOrientationPatientDICOM": [
      0.999715,
      -0.022224,
      -0.00876486,
      0.0216393,
      0.997845,
      -0.0619495
    ],
    "Manufacturer": "Philips",
    "NumberOfVolumesDiscardedByScanner": 2,
    "ParallelAcquisitionTechnique": "SENSE",
    "ParallelReductionFactorInPlane": 2,
    "PatientPosition": "HFS",
    "PhaseEncodingDirection": "j",
    "PhilipsRescaleIntercept": 0,
    "PhilipsRescaleSlope": 0.75629,
    "PhilipsScaleSlope": 0.0516803,
    "ProtocolName": "WIPtask-stop_boldSENSE",
    "PulseSequenceType": "gradient echo EPI",
    "ReconMatrixPE": 80,
    "RepetitionTime": 2,
    "SeriesDescription": "ImageMRSERIES",
    "SeriesNumber": 7,
    "SliceEncodingDirection": "k",
    "SliceTiming": [
      0.0,
      0.0556,
      0.1111,
      0.1667,
      0.2222,
      0.2778,
      0.3333,
      0.3889,
      0.4444,
      0.5,
      0.5556,
      0.6111,
      0.6667,
      0.7222,
      0.7778,
      0.8333,
      0.8889,
      0.9444,
      1.0,
      1.0556,
      1.1111,
      1.1667,
      1.2222,
      1.2778,
      1.3333,
      1.3889,
      1.4444,
      1.5,
      1.5556,
      1.6111,
      1.6667,
      1.7222,
      1.7778,
      1.8333,
      1.8889,
      1.9444
    ],
    "TaskName": "stopsignal",
    "TotalReadoutTime": 0.026945238983542674,
    "UsePhilipsFloatNotDisplayScaling": 1,
    "WaterFatShift": 12,
    "acq_id": "seq",
    "dataset": "ds002790",
    "modality": "bold",
    "subject_id": "0040",
    "task_id": "stopsignal"
  },
  "dummy_trs": 0,
  "dvars_nstd": 18.17761819742357,
  "dvars_std": 1.2463184864628822,
  "dvars_vstd": 1.0062472712663761,
  "efc": 0.42632175021716745,
  "fber": 253473.15625,
  "fd_mean": 0.1567585100774923,
  "fd_num": 38,
  "fd_perc": 16.52173913043478,
  "fwhm_avg": 1.9675558676470055,
  "fwhm_x": 1.90581,
  "fwhm_y": 2.1156,
  "fwhm_z": 1.881257602941016,
  "gcor": 0.0260298,
  "gsr_x": -0.01689404994249344,
  "gsr_y": 0.013388662599027157,
  "provenance": {
    "md5sum": "ee9c5393244da40b6f12328b9621e835",
    "settings": {
      "fd_thres": 0.2,
      "testing": false
    },
    "software": "mriqc",
    "version": "22.0.0rc1",
    "webapi_port": null,
    "webapi_url": "https://mriqc.nimh.nih.gov/api/v1"
  },
  "size_t": 230,
  "size_x": 80,
  "size_y": 80,
  "size_z": 36,
  "snr": 5.479195128232249,
  "spacing_tr": 2.0,
  "spacing_x": 3.0,
  "spacing_y": 3.0,
  "spacing_z": 3.299999952316284,
  "summary_bg_k": 81.10772717114483,
  "summary_bg_mad": 52.075034250781066,
  "summary_bg_mean": 490.85577392578125,
  "summary_bg_median": 52.539955139160156,
  "summary_bg_n": 153749.0,
  "summary_bg_p05": 5.193712997436523,
  "summary_bg_p95": 2282.805859375001,
  "summary_bg_stdv": 1552.4527587890625,
  "summary_fg_k": 1.0671979068237132,
  "summary_fg_mad": 4686.111796481917,
  "summary_fg_mean": 27421.330078125,
  "summary_fg_median": 26943.6015625,
  "summary_fg_n": 36559.0,
  "summary_fg_p05": 20310.648046875,
  "summary_fg_p95": 35764.27734375,
  "summary_fg_stdv": 4917.37060546875,
  "tsnr": 90.58082580566406
}