{
  "aor": 0.0031047916666666667,
  "aqi": 0.005143262125,
  "bids_meta": {
    "AcquisitionNumber": 4,
    "BidsifyVersion": "0.3.5",
    "ConversionSoftware": "dcm2niix",
    "ConversionSoftwareVersion": "v1.0.20181125  GCC6.3.0",
    "EchoTime": 0.02763,
    "EffectiveEchoSpacing": 0.0006909035636805814,
    "FlipAngle": 76.1,
    "ImageComments": "PIOP2",
    "ImageOrientationPatientDICOM": [
      0.999715,
      -0.022224,
      -0.00876486,
      0.0216393,
      0.997845,
      -0.0619495
    ],
    "Manufacturer": "Philips",
    "NumberOfVolumesDiscardedByScanner": 2,
    "ParallelAcquisitionTechnique": "SENSE",
    "ParallelReductionFactorInPlane": 2,
    "PatientPosition": "HFS",
    "PhaseEncodingDirection": "j",
    "PhilipsRescaleIntercept": 0,
    "PhilipsRescaleSlope": 0.82173,
    "PhilipsScaleSlope": 0.0467418,
    "ProtocolName": "WIPtask-rest_boldSENSE",
    "PulseSequenceType": "gradient echo EPI",
    "ReconMatrixPE": 80,
    "RepetitionTime": 2,
    "SeriesDescription": "ImageMRSERIES",
    "SeriesNumber": 4,
    "SliceEncodingDirection": "k",
    "SliceTiming": [
      0.0,
      0.0556,
      0.1111,
      0.1667,
      0.2222,
      0.2778,
      0.3333,
      0.3889,
      0.4444,
      0.5,
      0.5556,
      0.6111,
      0.6667,
      0.7222,
      0.7778,
      0.8333,
      0.8889,
      0.9444,
      1.0,
      1.0556,
      1.1111,
      1.1667,
      1.2222,
      1.2778,
      1.3333,
      1.3889,
      1.4444,
      1.5,
      1.5556,
      1.6111,
      1.6667,
      1.7222,
      1.7778,
      1.8333,
      1.8889,
      1.9444
    ],
    "TaskName": "restingstate",
    "TotalReadoutTime": 0.026945238983542674,
    "UsePhilipsFloatNotDisplayScaling": 1,
    "WaterFatShift": 12,
    "acq_id": "seq",
    "dataset": "ds002790",
    "modality": "bold",
    "subject_id": "0040",
    "task_id": "restingstate"
  },
  "dummy_trs": 0,
  "dvars_nstd": 18.99659855100419,
  "dvars_std": 1.2300078009623427,
  "dvars_vstd": 0.9987723359832638,
  "efc": 0.42688785755809994,
  "fber": 257140.328125,
  "fd_mean": 0.1622469318394911,
  "fd_num": 55,
  "fd_perc": 22.916666666666668,
  "fwhm_avg": 1.9490626351230693,
  "fwhm_x": 1.8923666666666668,
  "fwhm_y": 2.1152333333333333,
  "fwhm_z": 1.8395879053692081,
  "gcor": 0.0250651,
  "gsr_x": -0.01755792461335659,
  "gsr_y": 0.01390598900616169,
  "provenance": {
    "md5sum": "77802411e739355e8232dedf2387e179",
    "settings": {
      "fd_thres": 0.2,
      "testing": false
    },
    "software": "mriqc",
    "version": "22.0.0rc1",
    "webapi_port": null,
    "webapi_url": "https://mriqc.nimh.nih.gov/api/v1"
  },
  "size_t": 240,
  "size_x": 80,
  "size_y": 80,
  "size_z": 36,
  "snr": 5.346225332946199,
  "spacing_tr": 2.0,
  "spacing_x": 3.0,
  "spacing_y": 3.0,
  "spacing_z": 3.299999952316284,
  "summary_bg_k": 104.5986985889427,
  "summary_bg_mad": 52.76099737248897,
  "summary_bg_mean": 496.4518737792969,
  "summary_bg_median": 52.562355041503906,
  "summary_bg_n": 153532.0,
  "summary_bg_p05": 5.33415858745575,
  "summary_bg_p95": 2297.515600585931,
  "summary_bg_stdv": 1597.0540771484375,
  "summary_fg_k": 1.1783609166979137,
  "summary_fg_mad": 4831.311255549352,
  "summary_fg_mean": 27724.505859375,
  "summary_fg_median": 27228.515625,
  "summary_fg_n": 36783.0,
  "summary_fg_p05": 20385.8892578125,
  "summary_fg_p95": 36378.183203125,
  "summary_fg_stdv": 5092.96630859375,
  "tsnr": 80.6299057006836
}