{
  "aor": 0.0024617777777777776,
  "aqi": 0.002422444666666667,
  "bids_meta": {
    "AcquisitionNumber": 8,
    "BidsifyVersion": "0.3.5",
    "ConversionSoftware": "dcm2niix",
    "ConversionSoftwareVersion": "v1.0.20181125  GCC6.3.0",
    "EchoTime": 0.02763,
    "EffectiveEchoSpacing": 0.0006909035636805814,
    "FlipAngle": 76.1,
    "ImageComments": "PIOP2",
    "ImageOrientationPatientDICOM": [
      0.999946,
      0.00948479,
      0.00421994,
      -0.00925001,
      0.998575,
      -0.0525515
    ],
    "Manufacturer": "Philips",
    "NumberOfVolumesDiscardedByScanner": 2,
    "ParallelAcquisitionTechnique": "SENSE",
    "ParallelReductionFactorInPlane": 2,
    "PatientPosition": "HFS",
    "PhaseEncodingDirection": "j",
    "PhilipsRescaleIntercept": 0,
    "PhilipsRescaleSlope": 0.78706,
    "PhilipsScaleSlope": 0.0600725,
    "ProtocolName": "WIPtask-harriri_boldSENSE",
    "PulseSequenceType": "gradient echo EPI",
    "ReconMatrixPE": 80,
    "RepetitionTime": 2,
    "SeriesDescription": "ImageMRSERIES",
    "SeriesNumber": 8,
    "SliceEncodingDirection": "k",
    "SliceTiming": [
      0.0,
      0.0556,
      0.1111,
      0.1667,
      0.2222,
      0.2778,
      0.3333,
      0.3889,
      0.4444,
      0.5,
      0.5556,
      0.6111,
      0.6667,
      0.7222,
      0.7778,
      0.8333,
      0.8889,
      0.9444,
      1.0,
      1.0556,
      1.1111,
      1.1667,
      1.2222,
      1.2778,
      1.3333,
      1.3889,
      1.4444,
      1.5,
      1.5556,
      1.6111,
      1.6667,
      1.7222,
      1.7778,
      1.8333,
      1.8889,
      1.9444
    ],
    "TaskName": "emomatching",
    "TotalReadoutTime": 0.026945238983542674,
    "UsePhilipsFloatNotDisplayScaling": 1,
    "WaterFatShift": 12,
    "acq_id": "seq",
    "dataset": "ds002790",
    "modality": "bold",
    "subject_id": "0080",
    "task_id": "emomatching"
  },
  "dummy_trs": 0,
  "dvars_nstd": 15.868772777014922,
  "dvars_std": 1.1855365931343282,
  "dvars_vstd": 1.0265094917910451,
  "efc": 0.4209816069026698,
  "fber": 206805.1875,
  "fd_mean": 0.1473119783406809,
  "fd_num": 26,
  "fd_perc": 19.25925925925926,
  "fwhm_avg": 2.034145968740257,
  "fwhm_x": 1.9841566666666666,
  "fwhm_y": 2.21976,
  "fwhm_z": 1.8985212395541051,
  "gcor": 0.0180519,
  "gsr_x": -0.018164753913879395,
  "gsr_y": 0.01274964865297079,
  "provenance": {
    "md5sum": "d3e08a3a2dd99e1998315178d5e5c80c",
    "settings": {
      "fd_thres": 0.2,
      "testing": false
    },
    "software": "mriqc",
    "version": "22.0.0rc1",
    "webapi_port": null,
    "webapi_url": "https://mriqc.nimh.nih.gov/api/v1"
  },
  "size_t": 135,
  "size_x": 80,
  "size_y": 80,
  "size_z": 36,
  "snr": 5.665133947147528,
  "spacing_tr": 2.0,
  "spacing_x": 3.0,
  "spacing_y": 3.0,
  "spacing_z": 3.299999952316284,
  "summary_bg_k": 42.08226391095536,
  "summary_bg_mad": 56.70100468054717,
  "summary_bg_mean": 508.304443359375,
  "summary_bg_median": 50.76500701904297,
  "summary_bg_n": 157121.0,
  "summary_bg_p05": 6.4885382652282715,
  "summary_bg_p95": 2328.91650390625,
  "summary_bg_stdv": 1294.238525390625,
  "summary_fg_k": 1.807711485280727,
  "summary_fg_mad": 3752.9584853055417,
  "summary_fg_mean": 23831.7109375,
  "summary_fg_median": 23422.45703125,
  "summary_fg_n": 33654.0,
  "summary_fg_p05": 17935.75244140625,
  "summary_fg_p95": 30666.969726562493,
  "summary_fg_stdv": 4134.431640625,
  "tsnr": 110.18965148925781
}