{
  "aor": 0.00206175,
  "aqi": 0.002391493125,
  "bids_meta": {
    "AcquisitionNumber": 3,
    "BidsifyVersion": "0.3.5",
    "ConversionSoftware": "dcm2niix",
    "ConversionSoftwareVersion": "v1.0.20181125  GCC6.3.0",
    "EchoTime": 0.02763,
    "EffectiveEchoSpacing": 0.0006909035636805814,
    "FlipAngle": 76.1,
    "ImageComments": "PIOP2",
    "ImageOrientationPatientDICOM": [
      0.999946,
      0.00948479,
      0.00421994,
      -0.00925001,
      0.998575,
      -0.0525515
    ],
    "Manufacturer": "Philips",
    "NumberOfVolumesDiscardedByScanner": 2,
    "ParallelAcquisitionTechnique": "SENSE",
    "ParallelReductionFactorInPlane": 2,
    "PatientPosition": "HFS",
    "PhaseEncodingDirection": "j",
    "PhilipsRescaleIntercept": 0,
    "PhilipsRescaleSlope": 0.7685,
    "PhilipsScaleSlope": 0.0610262,
    "ProtocolName": "WIPtask-wm_boldSENSE",
    "PulseSequenceType": "gradient echo EPI",
    "ReconMatrixPE": 80,
    "RepetitionTime": 2,
    "SeriesDescription": "ImageMRSERIES",
    "SeriesNumber": 3,
    "SliceEncodingDirection": "k",
    "SliceTiming": [
      0.0,
      0.0556,
      0.1111,
      0.1667,
      0.2222,
      0.2778,
      0.3333,
      0.3889,
      0.4444,
      0.5,
      0.5556,
      0.6111,
      0.6667,
      0.7222,
      0.7778,
      0.8333,
      0.8889,
      0.9444,
      1.0,
      1.0556,
      1.1111,
      1.1667,
      1.2222,
      1.2778,
      1.3333,
      1.3889,
      1.4444,
      1.5,
      1.5556,
      1.6111,
      1.6667,
      1.7222,
      1.7778,
      1.8333,
      1.8889,
      1.9444
    ],
    "TaskName": "workingmemory",
    "TotalReadoutTime": 0.026945238983542674,
    "UsePhilipsFloatNotDisplayScaling": 1,
    "WaterFatShift": 12,
    "acq_id": "seq",
    "dataset": "ds002790",
    "modality": "bold",
    "subject_id": "0080",
    "task_id": "workingmemory"
  },
  "dummy_trs": 0,
  "dvars_nstd": 17.781882819811333,
  "dvars_std": 1.2396146806289308,
  "dvars_vstd": 1.0108475967295607,
  "efc": 0.4204188361472438,
  "fber": 205292.53125,
  "fd_mean": 0.11602953893761622,
  "fd_num": 14,
  "fd_perc": 8.75,
  "fwhm_avg": 2.0403440495818495,
  "fwhm_x": 1.9995533333333333,
  "fwhm_y": 2.2159999999999997,
  "fwhm_z": 1.9054788154122153,
  "gcor": 0.0183159,
  "gsr_x": -0.018581293523311615,
  "gsr_y": 0.012501795776188374,
  "provenance": {
    "md5sum": "0ae369a6536774795e72fe882c447a38",
    "settings": {
      "fd_thres": 0.2,
      "testing": false
    },
    "software": "mriqc",
    "version": "22.0.0rc1",
    "webapi_port": null,
    "webapi_url": "https://mriqc.nimh.nih.gov/api/v1"
  },
  "size_t": 160,
  "size_x": 80,
  "size_y": 80,
  "size_z": 36,
  "snr": 5.6054823986110085,
  "spacing_tr": 2.0,
  "spacing_x": 3.0,
  "spacing_y": 3.0,
  "spacing_z": 3.299999952316284,
  "summary_bg_k": 42.14232361322209,
  "summary_bg_mad": 57.39475425780748,
  "summary_bg_mean": 508.4862365722656,
  "summary_bg_median": 51.6002197265625,
  "summary_bg_n": 157071.0,
  "summary_bg_p05": 6.525777578353882,
  "summary_bg_p95": 2334.88330078125,
  "summary_bg_stdv": 1305.661376953125,
  "summary_fg_k": 1.829970364836666,
  "summary_fg_mad": 3841.3007284347777,
  "summary_fg_mean": 24136.322265625,
  "summary_fg_median": 23748.87890625,
  "summary_fg_n": 33712.0,
  "summary_fg_p05": 18073.7068359375,
  "summary_fg_p95": 31125.4740234375,
  "summary_fg_stdv": 4236.66064453125,
  "tsnr": 109.22566223144531
}