{
  "aor": 0.0018563063063063063,
  "aqi": 0.002433030855855856,
  "bids_meta": {
    "AcquisitionNumber": 7,
    "BidsifyVersion": "0.3.5",
    "ConversionSoftware": "dcm2niix",
    "ConversionSoftwareVersion": "v1.0.20181125  GCC6.3.0",
    "EchoTime": 0.02763,
    "EffectiveEchoSpacing": 0.0006909035636805814,
    "FlipAngle": 76.1,
    "ImageComments": "PIOP2",
    "ImageOrientationPatientDICOM": [
      0.999946,
      0.00948479,
      0.00421994,
      -0.00925001,
      0.998575,
      -0.0525515
    ],
    "Manufacturer": "Philips",
    "NumberOfVolumesDiscardedByScanner": 2,
    "ParallelAcquisitionTechnique": "SENSE",
    "ParallelReductionFactorInPlane": 2,
    "PatientPosition": "HFS",
    "PhaseEncodingDirection": "j",
    "PhilipsRescaleIntercept": 0,
    "PhilipsRescaleSlope": 0.76239,
    "PhilipsScaleSlope": 0.0629908,
    "ProtocolName": "WIPtask-stop_boldSENSE",
    "PulseSequenceType": "gradient echo EPI",
    "ReconMatrixPE": 80,
    "RepetitionTime": 2,
    "SeriesDescription": "ImageMRSERIES",
    "SeriesNumber": 7,
    "SliceEncodingDirection": "k",
    "SliceTiming": [
      0.0,
      0.0556,
      0.1111,
      0.1667,
      0.2222,
      0.2778,
      0.3333,
      0.3889,
      0.4444,
      0.5,
      0.5556,
      0.6111,
      0.6667,
      0.7222,
      0.7778,
      0.8333,
      0.8889,
      0.9444,
      1.0,
      1.0556,
      1.1111,
      1.1667,
      1.2222,
      1.2778,
      1.3333,
      1.3889,
      1.4444,
      1.5,
      1.5556,
      1.6111,
      1.6667,
      1.7222,
      1.7778,
      1.8333,
      1.8889,
      1.9444
    ],
    "TaskName": "stopsignal",
    "TotalReadoutTime": 0.026945238983542674,
    "UsePhilipsFloatNotDisplayScaling": 1,
    "WaterFatShift": 12,
    "acq_id": "seq",
    "dataset": "ds002790",
    "modality": "bold",
    "subject_id": "0080",
    "task_id": "stopsignal"
  },
  "dummy_trs": 0,
  "dvars_nstd": 16.859736813665155,
  "dvars_std": 1.2279354425339362,
  "dvars_vstd": 1.0265298619004524,
  "efc": 0.4203705998308477,
  "fber": 202436.921875,
  "fd_mean": 0.12918940556911881,
  "fd_num": 18,
  "fd_perc": 8.108108108108109,
  "fwhm_avg": 2.0246574838693974,
  "fwhm_x": 1.9767866666666667,
  "fwhm_y": 2.20331,
  "fwhm_z": 1.8938757849415258,
  "gcor": 0.0210239,
  "gsr_x": -0.018377549946308136,
  "gsr_y": 0.012501508928835392,
  "provenance": {
    "md5sum": "c140e0f2d6c0c2078babb0498ff7acf6",
    "settings": {
      "fd_thres": 0.2,
      "testing": false
    },
    "software": "mriqc",
    "version": "22.0.0rc1",
    "webapi_port": null,
    "webapi_url": "https://mriqc.nimh.nih.gov/api/v1"
  },
  "size_t": 222,
  "size_x": 80,
  "size_y": 80,
  "size_z": 36,
  "snr": 5.803277060091827,
  "spacing_tr": 2.0,
  "spacing_x": 3.0,
  "spacing_y": 3.0,
  "spacing_z": 3.299999952316284,
  "summary_bg_k": 41.191203065014605,
  "summary_bg_mad": 57.27886728182095,
  "summary_bg_mean": 511.418701171875,
  "summary_bg_median": 51.36060333251953,
  "summary_bg_n": 157302.0,
  "summary_bg_p05": 6.57885286808014,
  "summary_bg_p95": 2359.3636840820304,
  "summary_bg_stdv": 1304.9893798828125,
  "summary_fg_k": 1.572885044350361,
  "summary_fg_mad": 3688.0410676579486,
  "summary_fg_mean": 23853.529296875,
  "summary_fg_median": 23478.078125,
  "summary_fg_n": 33424.0,
  "summary_fg_p05": 18012.178515625,
  "summary_fg_p95": 30639.372656249998,
  "summary_fg_stdv": 4045.59814453125,
  "tsnr": 111.65525817871094
}