{
  "aor": 0.0021370833333333333,
  "aqi": 0.0032496062916666664,
  "bids_meta": {
    "AcquisitionNumber": 4,
    "BidsifyVersion": "0.3.5",
    "ConversionSoftware": "dcm2niix",
    "ConversionSoftwareVersion": "v1.0.20181125  GCC6.3.0",
    "EchoTime": 0.02763,
    "EffectiveEchoSpacing": 0.0006909035636805814,
    "FlipAngle": 76.1,
    "ImageComments": "PIOP2",
    "ImageOrientationPatientDICOM": [
      0.992708,
      0.0313254,
      0.116406,
      -0.025995,
      0.998555,
      -0.0470314
    ],
    "Manufacturer": "Philips",
    "NumberOfVolumesDiscardedByScanner": 2,
    "ParallelAcquisitionTechnique": "SENSE",
    "ParallelReductionFactorInPlane": 2,
    "PatientPosition": "HFS",
    "PhaseEncodingDirection": "j",
    "PhilipsRescaleIntercept": 0,
    "PhilipsRescaleSlope": 0.77411,
    "PhilipsScaleSlope": 0.0532729,
    "ProtocolName": "WIPtask-rest_boldSENSE",
    "PulseSequenceType": "gradient echo EPI",
    "ReconMatrixPE": 80,
    "RepetitionTime": 2,
    "SeriesDescription": "ImageMRSERIES",
    "SeriesNumber": 4,
    "SliceEncodingDirection": "k",
    "SliceTiming": [
      0.0,
      0.0556,
      0.1111,
      0.1667,
      0.2222,
      0.2778,
      0.3333,
      0.3889,
      0.4444,
      0.5,
      0.5556,
      0.6111,
      0.6667,
      0.7222,
      0.7778,
      0.8333,
      0.8889,
      0.9444,
      1.0,
      1.0556,
      1.1111,
      1.1667,
      1.2222,
      1.2778,
      1.3333,
      1.3889,
      1.4444,
      1.5,
      1.5556,
      1.6111,
      1.6667,
      1.7222,
      1.7778,
      1.8333,
      1.8889,
      1.9444
    ],
    "TaskName": "restingstate",
    "TotalReadoutTime": 0.026945238983542674,
    "UsePhilipsFloatNotDisplayScaling": 1,
    "WaterFatShift": 12,
    "acq_id": "seq",
    "dataset": "ds002790",
    "modality": "bold",
    "subject_id": "0093",
    "task_id": "restingstate"
  },
  "dummy_trs": 0,
  "dvars_nstd": 18.250511093640164,
  "dvars_std": 1.2583330031380755,
  "dvars_vstd": 1.009222595146444,
  "efc": 0.4716323754330715,
  "fber": 156932.6875,
  "fd_mean": 0.1717142848905098,
  "fd_num": 71,
  "fd_perc": 29.583333333333332,
  "fwhm_avg": 1.955828953985024,
  "fwhm_x": 1.8390366666666667,
  "fwhm_y": 2.164353333333333,
  "fwhm_z": 1.8640968619550726,
  "gcor": 0.0445475,
  "gsr_x": -0.003344315569847822,
  "gsr_y": 0.013905367814004421,
  "provenance": {
    "md5sum": "f65c934dffe964b7919427f07e820823",
    "settings": {
      "fd_thres": 0.2,
      "testing": false
    },
    "software": "mriqc",
    "version": "22.0.0rc1",
    "webapi_port": null,
    "webapi_url": "https://mriqc.nimh.nih.gov/api/v1"
  },
  "size_t": 240,
  "size_x": 80,
  "size_y": 80,
  "size_z": 36,
  "snr": 5.2958525249073425,
  "spacing_tr": 2.0,
  "spacing_x": 3.0,
  "spacing_y": 3.0,
  "spacing_z": 3.3000001907348633,
  "summary_bg_k": 24.40915602887259,
  "summary_bg_mad": 79.89852843809267,
  "summary_bg_mean": 824.8468017578125,
  "summary_bg_median": 67.3853530883789,
  "summary_bg_n": 146851.0,
  "summary_bg_p05": 6.088223695755005,
  "summary_bg_p95": 4422.32861328125,
  "summary_bg_stdv": 2058.830810546875,
  "summary_fg_k": 1.83871062692453,
  "summary_fg_mad": 4390.885734014531,
  "summary_fg_mean": 27578.865234375,
  "summary_fg_median": 26801.78515625,
  "summary_fg_n": 42417.0,
  "summary_fg_p05": 21023.730859375002,
  "summary_fg_p95": 37061.234375,
  "summary_fg_stdv": 5060.84130859375,
  "tsnr": 94.98878479003906
}