{
  "aor": 0.0035284375,
  "aqi": 0.0040864206875,
  "bids_meta": {
    "AcquisitionNumber": 3,
    "BidsifyVersion": "0.3.5",
    "ConversionSoftware": "dcm2niix",
    "ConversionSoftwareVersion": "v1.0.20181125  GCC6.3.0",
    "EchoTime": 0.02763,
    "FlipAngle": 76.1,
    "ImageComments": "PIOP2",
    "ImageOrientationPatientDICOM": [
      0.994736,
      0.102253,
      -0.0066356,
      -0.0975347,
      0.96471,
      0.244583
    ],
    "Manufacturer": "Philips",
    "NumberOfVolumesDiscardedByScanner": 2,
    "ParallelAcquisitionTechnique": "SENSE",
    "ParallelReductionFactorInPlane": 2,
    "PatientPosition": "HFS",
    "PhaseEncodingDirection": "j",
    "PhilipsRescaleIntercept": 0,
    "PhilipsRescaleSlope": 0.77411,
    "PhilipsScaleSlope": 0.0604619,
    "ProtocolName": "WIPtask-wm_boldSENSE",
    "PulseSequenceType": "gradient echo EPI",
    "ReconMatrixPE": 80,
    "RepetitionTime": 2,
    "SeriesDescription": "ImageMRSERIES",
    "SeriesNumber": 3,
    "SliceEncodingDirection": "k",
    "TaskName": "workingmemory",
    "UsePhilipsFloatNotDisplayScaling": 1,
    "WaterFatShift": 12,
    "acq_id": "seq",
    "dataset": "ds002790",
    "modality": "bold",
    "subject_id": "0226",
    "task_id": "workingmemory"
  },
  "dummy_trs": 0,
  "dvars_nstd": 20.583512060125774,
  "dvars_std": 1.3326574825157234,
  "dvars_vstd": 1.031671796289308,
  "efc": 0.44438120463684155,
  "fber": 223265.234375,
  "fd_mean": 0.13694505678187258,
  "fd_num": 23,
  "fd_perc": 14.375,
  "fwhm_avg": 2.1187100095267892,
  "fwhm_x": 2.037053333333333,
  "fwhm_y": 2.3411433333333336,
  "fwhm_z": 1.977933361913701,
  "gcor": 0.0610432,
  "gsr_x": -0.024758290499448776,
  "gsr_y": 0.02616015635430813,
  "provenance": {
    "md5sum": "f9046f449718ebab9d885b2bc1eddeec",
    "settings": {
      "fd_thres": 0.2,
      "testing": false
    },
    "software": "mriqc",
    "version": "23.0.1",
    "webapi_port": null,
    "webapi_url": "https://mriqc.nimh.nih.gov/api/v1"
  },
  "size_t": 160,
  "size_x": 80,
  "size_y": 80,
  "size_z": 36,
  "snr": 5.6418482966499095,
  "spacing_tr": 2.0,
  "spacing_x": 3.0,
  "spacing_y": 3.0,
  "spacing_z": 3.299999952316284,
  "summary_bg_k": 67.73468730282532,
  "summary_bg_mad": 50.85203192310291,
  "summary_bg_mean": 610.514892578125,
  "summary_bg_median": 47.187156677246094,
  "summary_bg_n": 152889.0,
  "summary_bg_p05": 3.1419475555419933,
  "summary_bg_p95": 3245.9852050781255,
  "summary_bg_stdv": 1804.741455078125,
  "summary_fg_k": 1.4000013255205346,
  "summary_fg_mad": 3852.895141096685,
  "summary_fg_mean": 23620.02734375,
  "summary_fg_median": 23270.060546875,
  "summary_fg_n": 37251.0,
  "summary_fg_p05": 17761.810546875,
  "summary_fg_p95": 30720.603515625,
  "summary_fg_stdv": 4124.490234375,
  "tsnr": 98.6905288696289
}