{
  "aor": 0.002264074074074074,
  "aqi": 0.004859789703703704,
  "bids_meta": {
    "AcquisitionNumber": 8,
    "BidsifyVersion": "0.3.5",
    "ConversionSoftware": "dcm2niix",
    "ConversionSoftwareVersion": "v1.0.20181125  GCC6.3.0",
    "EchoTime": 0.02763,
    "FlipAngle": 76.1,
    "ImageComments": "PIOP2",
    "ImageOrientationPatientDICOM": [
      0.994736,
      0.102253,
      -0.0066356,
      -0.0975347,
      0.96471,
      0.244583
    ],
    "Manufacturer": "Philips",
    "NumberOfVolumesDiscardedByScanner": 2,
    "ParallelAcquisitionTechnique": "SENSE",
    "ParallelReductionFactorInPlane": 2,
    "PatientPosition": "HFS",
    "PhaseEncodingDirection": "j",
    "PhilipsRescaleIntercept": 0,
    "PhilipsRescaleSlope": 0.82076,
    "PhilipsScaleSlope": 0.0598787,
    "ProtocolName": "WIPtask-harriri_boldSENSE",
    "PulseSequenceType": "gradient echo EPI",
    "ReconMatrixPE": 80,
    "RepetitionTime": 2,
    "SeriesDescription": "ImageMRSERIES",
    "SeriesNumber": 8,
    "SliceEncodingDirection": "k",
    "TaskName": "emomatching",
    "UsePhilipsFloatNotDisplayScaling": 1,
    "WaterFatShift": 12,
    "acq_id": "seq",
    "dataset": "ds002790",
    "modality": "bold",
    "subject_id": "0226",
    "task_id": "emomatching"
  },
  "dummy_trs": 0,
  "dvars_nstd": 18.30810952559702,
  "dvars_std": 1.191763310820896,
  "dvars_vstd": 1.0042183564925369,
  "efc": 0.441473967657944,
  "fber": 225628.71875,
  "fd_mean": 0.1518162919231924,
  "fd_num": 25,
  "fd_perc": 18.51851851851852,
  "fwhm_avg": 2.13310213080154,
  "fwhm_x": 2.0426766666666665,
  "fwhm_y": 2.365693333333333,
  "fwhm_z": 1.99093639240462,
  "gcor": 0.0307495,
  "gsr_x": -0.02442939206957817,
  "gsr_y": 0.029857613146305084,
  "provenance": {
    "md5sum": "cecc71c8ce263b53d6ec1479ccf2a27c",
    "settings": {
      "fd_thres": 0.2,
      "testing": false
    },
    "software": "mriqc",
    "version": "23.0.1",
    "webapi_port": null,
    "webapi_url": "https://mriqc.nimh.nih.gov/api/v1"
  },
  "size_t": 135,
  "size_x": 80,
  "size_y": 80,
  "size_z": 36,
  "snr": 5.687291006811435,
  "spacing_tr": 2.0,
  "spacing_x": 3.0,
  "spacing_y": 3.0,
  "spacing_z": 3.299999952316284,
  "summary_bg_k": 68.08087709255653,
  "summary_bg_mad": 50.00252354248186,
  "summary_bg_mean": 608.5010375976562,
  "summary_bg_median": 46.376434326171875,
  "summary_bg_n": 153671.0,
  "summary_bg_p05": 3.1283551454544067,
  "summary_bg_p95": 3330.7591552734375,
  "summary_bg_stdv": 1776.5115966796875,
  "summary_fg_k": 1.3992926448055822,
  "summary_fg_mad": 3726.2093876620934,
  "summary_fg_mean": 23255.658203125,
  "summary_fg_median": 22920.6796875,
  "summary_fg_n": 36526.0,
  "summary_fg_p05": 17504.08251953125,
  "summary_fg_p95": 30261.82275390625,
  "summary_fg_stdv": 4030.1025390625,
  "tsnr": 90.45338439941406
}