{
  "aor": 0.002311489361702128,
  "aqi": 0.003091850382978724,
  "bids_meta": {
    "AcquisitionNumber": 7,
    "BidsifyVersion": "0.3.5",
    "ConversionSoftware": "dcm2niix",
    "ConversionSoftwareVersion": "v1.0.20181125  GCC6.3.0",
    "EchoTime": 0.02763,
    "FlipAngle": 76.1,
    "ImageComments": "PIOP2",
    "ImageOrientationPatientDICOM": [
      0.999286,
      -0.0164735,
      -0.0340004,
      0.0177915,
      0.999087,
      0.0388351
    ],
    "Manufacturer": "Philips",
    "NumberOfVolumesDiscardedByScanner": 2,
    "ParallelAcquisitionTechnique": "SENSE",
    "ParallelReductionFactorInPlane": 2,
    "PatientPosition": "HFS",
    "PhaseEncodingDirection": "j",
    "PhilipsRescaleIntercept": 0,
    "PhilipsRescaleSlope": 0.77411,
    "PhilipsScaleSlope": 0.0592179,
    "ProtocolName": "WIPtask-stop_boldSENSE",
    "PulseSequenceType": "gradient echo EPI",
    "ReconMatrixPE": 80,
    "RepetitionTime": 2,
    "SeriesDescription": "ImageMRSERIES",
    "SeriesNumber": 7,
    "SliceEncodingDirection": "k",
    "TaskName": "stopsignal",
    "UsePhilipsFloatNotDisplayScaling": 1,
    "WaterFatShift": 12,
    "acq_id": "seq",
    "dataset": "ds002790",
    "modality": "bold",
    "subject_id": "0213",
    "task_id": "stopsignal"
  },
  "dummy_trs": 0,
  "dvars_nstd": 20.55946370465812,
  "dvars_std": 1.393246598547008,
  "dvars_vstd": 1.0285694251709399,
  "efc": 0.47122724804472327,
  "fber": 169997.25,
  "fd_mean": 0.07885407409053725,
  "fd_num": 3,
  "fd_perc": 1.2765957446808511,
  "fwhm_avg": 1.8912297051877163,
  "fwhm_x": 1.8391033333333333,
  "fwhm_y": 2.1283766666666666,
  "fwhm_z": 1.7062091155631487,
  "gcor": 0.0183493,
  "gsr_x": -0.018111536279320717,
  "gsr_y": 0.022323613986372948,
  "provenance": {
    "md5sum": "aed13fc29e0d119f35e2f93b48f5d8b1",
    "settings": {
      "fd_thres": 0.2,
      "testing": false
    },
    "software": "mriqc",
    "version": "23.0.1",
    "webapi_port": null,
    "webapi_url": "https://mriqc.nimh.nih.gov/api/v1"
  },
  "size_t": 235,
  "size_x": 80,
  "size_y": 80,
  "size_z": 36,
  "snr": 5.796794027403616,
  "spacing_tr": 2.0,
  "spacing_x": 3.0,
  "spacing_y": 3.0,
  "spacing_z": 3.299999952316284,
  "summary_bg_k": 69.0797693964253,
  "summary_bg_mad": 61.40419209063423,
  "summary_bg_mean": 540.2627563476562,
  "summary_bg_median": 54.26936340332031,
  "summary_bg_n": 144820.0,
  "summary_bg_p05": 4.379034900665284,
  "summary_bg_p95": 2679.358886718748,
  "summary_bg_stdv": 1493.38427734375,
  "summary_fg_k": 2.1501316411512317,
  "summary_fg_mad": 3650.815300431388,
  "summary_fg_mean": 23342.044921875,
  "summary_fg_median": 22968.599609375,
  "summary_fg_n": 43535.0,
  "summary_fg_p05": 17816.8328125,
  "summary_fg_p95": 29757.157617187495,
  "summary_fg_stdv": 3962.248046875,
  "tsnr": 106.74636840820312
}