{
  "bids_meta": {
    "AcquisitionNumber": 2,
    "BidsifyVersion": "0.3.5",
    "ConversionSoftware": "dcm2niix",
    "ConversionSoftwareVersion": "v1.0.20181125  GCC6.3.0",
    "EchoTime": 0.00375,
    "ImageComments": "PIOP2",
    "ImageOrientationPatientDICOM": [
      0.999587,
      0.0126834,
      -0.025779,
      -0.0148303,
      0.996282,
      -0.0848699
    ],
    "Manufacturer": "Philips",
    "NumberSignalAcquisitions": 2,
    "PatientPosition": "HFS",
    "PhilipsRescaleIntercept": 0,
    "PhilipsRescaleSlope": 8.29939,
    "PhilipsScaleSlope": 0.00715623,
    "ProtocolName": "WIPT1anat_acq-6m_T1wSENSE",
    "ReconMatrixPE": 240,
    "RepetitionTime": 0.008196,
    "SeriesDescription": "ImageMRSERIES",
    "SeriesNumber": 2,
    "UsePhilipsFloatNotDisplayScaling": 1,
    "dataset": "ds002790",
    "modality": "T1w",
    "subject_id": "0068"
  },
  "cjv": 0.2556254527943923,
  "cnr": 4.810418170055846,
  "efc": 0.7569146792961918,
  "fber": 1580.0712890625,
  "fwhm_avg": 4.58769,
  "fwhm_x": 4.4082,
  "fwhm_y": 4.62773,
  "fwhm_z": 4.72714,
  "icvs_csf": 0.26089712140579063,
  "icvs_gm": 0.3908478792065514,
  "icvs_wm": 0.34825499938765797,
  "inu_med": 1.1792343854904175,
  "inu_range": 0.2700266361236572,
  "provenance": {
    "md5sum": "3f926e05a8da273f5c5791ccda42a0b8",
    "settings": {
      "testing": false
    },
    "software": "mriqc",
    "version": "22.0.0rc1",
    "warnings": {
      "large_rot_frame": true,
      "small_air_mask": true
    },
    "webapi_port": null,
    "webapi_url": "https://mriqc.nimh.nih.gov/api/v1"
  },
  "qi_1": 0.0,
  "qi_2": 5.3814143791515285e-05,
  "rpve_csf": 23.956378118642967,
  "rpve_gm": 15.403702698367654,
  "rpve_wm": 22.43974789242698,
  "size_x": 240,
  "size_y": 240,
  "size_z": 220,
  "snr_csf": 3.038638351810883,
  "snr_gm": 10.361710596281192,
  "snr_total": 13.417322530514513,
  "snr_wm": 26.851618643451467,
  "snrd_csf": 22.918141624807408,
  "snrd_gm": 46.0274555221537,
  "snrd_total": 46.6932465078825,
  "snrd_wm": 71.13414237668641,
  "spacing_x": 1.0,
  "spacing_y": 1.0,
  "spacing_z": 1.0,
  "summary_bg_k": 330.73893583469885,
  "summary_bg_mad": 9.20990785596191,
  "summary_bg_mean": 10.807183265686035,
  "summary_bg_median": 6.348294258117676,
  "summary_bg_n": 188203.0,
  "summary_bg_p05": 0.0,
  "summary_bg_p95": 25.23006477355957,
  "summary_bg_stdv": 9.85240650177002,
  "summary_csf_k": 27.72241111725329,
  "summary_csf_mad": 109.18509295776481,
  "summary_csf_mean": 307.792724609375,
  "summary_csf_median": 322.1832580566406,
  "summary_csf_n": 17987.0,
  "summary_csf_p05": 132.22723541259765,
  "summary_csf_p95": 449.9433502197266,
  "summary_csf_stdv": 106.02587890625,
  "summary_gm_k": 0.5761145205538587,
  "summary_gm_mad": 57.93826497404889,
  "summary_gm_mean": 650.79248046875,
  "summary_gm_median": 647.0540161132812,
  "summary_gm_n": 25022.0,
  "summary_gm_p05": 555.1015991210937,
  "summary_gm_p95": 759.761849975586,
  "summary_gm_stdv": 62.44539260864258,
  "summary_wm_k": 1.2970758969662155,
  "summary_wm_mad": 32.2846949037414,
  "summary_wm_mean": 998.7788696289062,
  "summary_wm_median": 1000.0038452148438,
  "summary_wm_n": 199512.0,
  "summary_wm_p05": 935.2361267089843,
  "summary_wm_p95": 1057.289465332031,
  "summary_wm_stdv": 37.24175262451172,
  "tpm_overlap_csf": 0.1711856871843338,
  "tpm_overlap_gm": 0.4513731300830841,
  "tpm_overlap_wm": 0.5343664288520813,
  "wm2max": 0.6349754835813537
}