{
  "aor": 0.01683466666666666,
  "aqi": 0.01124300825,
  "bids_meta": {
    "AcquisitionNumber": 4,
    "BidsifyVersion": "0.3.5",
    "ConversionSoftware": "dcm2niix",
    "ConversionSoftwareVersion": "v1.0.20181125  GCC6.3.0",
    "EchoTime": 0.02763,
    "EffectiveEchoSpacing": 0.0006909035636805814,
    "FlipAngle": 76.1,
    "ImageComments": "PIOP2",
    "ImageOrientationPatientDICOM": [
      0.998272,
      -0.0288371,
      -0.0511956,
      0.019865,
      0.985617,
      -0.167821
    ],
    "Manufacturer": "Philips",
    "NumberOfVolumesDiscardedByScanner": 2,
    "ParallelAcquisitionTechnique": "SENSE",
    "ParallelReductionFactorInPlane": 2,
    "PatientPosition": "HFS",
    "PhaseEncodingDirection": "j",
    "PhilipsRescaleIntercept": 0,
    "PhilipsRescaleSlope": 0.74725,
    "PhilipsScaleSlope": 0.06159,
    "ProtocolName": "WIPtask-rest_boldSENSE",
    "PulseSequenceType": "gradient echo EPI",
    "ReconMatrixPE": 80,
    "RepetitionTime": 2,
    "SeriesDescription": "ImageMRSERIES",
    "SeriesNumber": 4,
    "SliceEncodingDirection": "k",
    "SliceTiming": [
      0.0,
      0.0556,
      0.1111,
      0.1667,
      0.2222,
      0.2778,
      0.3333,
      0.3889,
      0.4444,
      0.5,
      0.5556,
      0.6111,
      0.6667,
      0.7222,
      0.7778,
      0.8333,
      0.8889,
      0.9444,
      1.0,
      1.0556,
      1.1111,
      1.1667,
      1.2222,
      1.2778,
      1.3333,
      1.3889,
      1.4444,
      1.5,
      1.5556,
      1.6111,
      1.6667,
      1.7222,
      1.7778,
      1.8333,
      1.8889,
      1.9444
    ],
    "TaskName": "restingstate",
    "TotalReadoutTime": 0.026945238983542674,
    "UsePhilipsFloatNotDisplayScaling": 1,
    "WaterFatShift": 12,
    "acq_id": "seq",
    "dataset": "ds002790",
    "modality": "bold",
    "subject_id": "0102",
    "task_id": "restingstate"
  },
  "dummy_trs": 0,
  "dvars_nstd": 18.518210654393314,
  "dvars_std": 1.222600069665272,
  "dvars_vstd": 1.126538220794979,
  "efc": 0.38963104948380173,
  "fber": 274421.71875,
  "fd_mean": 0.24367643958126312,
  "fd_num": 120,
  "fd_perc": 50.0,
  "fwhm_avg": 1.9415403628176557,
  "fwhm_x": 1.948850154880695,
  "fwhm_y": 2.181513333333333,
  "fwhm_z": 1.694257600238939,
  "gcor": 0.0246051,
  "gsr_x": -0.017690245062112808,
  "gsr_y": 0.005119959358125925,
  "provenance": {
    "md5sum": "eb0d5da5fb01c7428b03d7c307dc464e",
    "settings": {
      "fd_thres": 0.2,
      "testing": false
    },
    "software": "mriqc",
    "version": "22.0.0rc1",
    "webapi_port": null,
    "webapi_url": "https://mriqc.nimh.nih.gov/api/v1"
  },
  "size_t": 240,
  "size_x": 80,
  "size_y": 80,
  "size_z": 36,
  "snr": 5.8945328642682755,
  "spacing_tr": 2.0,
  "spacing_x": 2.999999761581421,
  "spacing_y": 3.0,
  "spacing_z": 3.299999952316284,
  "summary_bg_k": 48.437803743719286,
  "summary_bg_mad": 43.43464474923576,
  "summary_bg_mean": 405.660888671875,
  "summary_bg_median": 42.729278564453125,
  "summary_bg_n": 162585.0,
  "summary_bg_p05": 5.4743971824646,
  "summary_bg_p95": 1874.1291992187494,
  "summary_bg_stdv": 1265.337646484375,
  "summary_fg_k": 2.1046163331745857,
  "summary_fg_mad": 3497.0894307538174,
  "summary_fg_mean": 22777.240234375,
  "summary_fg_median": 22515.84765625,
  "summary_fg_n": 29524.0,
  "summary_fg_p05": 17010.64052734375,
  "summary_fg_p95": 28844.88818359375,
  "summary_fg_stdv": 3819.72021484375,
  "tsnr": 62.716827392578125
}