{
  "aor": 0.003290452488687782,
  "aqi": 0.004958670588235294,
  "bids_meta": {
    "AcquisitionNumber": 7,
    "BidsifyVersion": "0.3.5",
    "ConversionSoftware": "dcm2niix",
    "ConversionSoftwareVersion": "v1.0.20181125  GCC6.3.0",
    "EchoTime": 0.02763,
    "FlipAngle": 76.1,
    "ImageComments": "PIOP2",
    "ImageOrientationPatientDICOM": [
      0.999693,
      -0.0245168,
      0.00363494,
      0.0246065,
      0.999329,
      -0.0271425
    ],
    "Manufacturer": "Philips",
    "NumberOfVolumesDiscardedByScanner": 2,
    "ParallelAcquisitionTechnique": "SENSE",
    "ParallelReductionFactorInPlane": 2,
    "PatientPosition": "HFS",
    "PhaseEncodingDirection": "j",
    "PhilipsRescaleIntercept": 0,
    "PhilipsRescaleSlope": 0.75849,
    "PhilipsScaleSlope": 0.0592675,
    "ProtocolName": "WIPtask-stop_boldSENSE",
    "PulseSequenceType": "gradient echo EPI",
    "ReconMatrixPE": 80,
    "RepetitionTime": 2,
    "SeriesDescription": "ImageMRSERIES",
    "SeriesNumber": 7,
    "SliceEncodingDirection": "k",
    "TaskName": "stopsignal",
    "UsePhilipsFloatNotDisplayScaling": 1,
    "WaterFatShift": 12,
    "acq_id": "seq",
    "dataset": "ds002790",
    "modality": "bold",
    "subject_id": "0215",
    "task_id": "stopsignal"
  },
  "dummy_trs": 0,
  "dvars_nstd": 17.01284767081817,
  "dvars_std": 1.1584288806363636,
  "dvars_vstd": 1.0380102016363635,
  "efc": 0.4426018983287882,
  "fber": 171503.4375,
  "fd_mean": 0.1551067377259277,
  "fd_num": 49,
  "fd_perc": 22.171945701357465,
  "fwhm_avg": 1.9705904125922677,
  "fwhm_x": 1.9201433333333335,
  "fwhm_y": 2.2161066666666667,
  "fwhm_z": 1.775521237776803,
  "gcor": 0.0754768,
  "gsr_x": -0.014431406743824482,
  "gsr_y": 0.022072166204452515,
  "provenance": {
    "md5sum": "56edd6e184e424828c42d36f5a92c299",
    "settings": {
      "fd_thres": 0.2,
      "testing": false
    },
    "software": "mriqc",
    "version": "23.0.1",
    "webapi_port": null,
    "webapi_url": "https://mriqc.nimh.nih.gov/api/v1"
  },
  "size_t": 221,
  "size_x": 80,
  "size_y": 80,
  "size_z": 36,
  "snr": 6.220712260050441,
  "spacing_tr": 2.0,
  "spacing_x": 3.0,
  "spacing_y": 3.0,
  "spacing_z": 3.299999952316284,
  "summary_bg_k": 97.9722370102727,
  "summary_bg_mad": 64.24190480607214,
  "summary_bg_mean": 572.5546264648438,
  "summary_bg_median": 56.00895690917969,
  "summary_bg_n": 152066.0,
  "summary_bg_p05": 4.743927240371704,
  "summary_bg_p95": 2692.795166015625,
  "summary_bg_stdv": 1601.5777587890625,
  "summary_fg_k": 2.0945452866828838,
  "summary_fg_mad": 3550.3313559306794,
  "summary_fg_mean": 24118.451171875,
  "summary_fg_median": 23849.94140625,
  "summary_fg_n": 37105.0,
  "summary_fg_p05": 18592.70546875,
  "summary_fg_p95": 30349.453515625,
  "summary_fg_stdv": 3833.905029296875,
  "tsnr": 82.26753997802734
}