{
  "aor": 0.0031368125,
  "aqi": 0.0046291369375,
  "bids_meta": {
    "AcquisitionNumber": 3,
    "BidsifyVersion": "0.3.5",
    "ConversionSoftware": "dcm2niix",
    "ConversionSoftwareVersion": "v1.0.20181125  GCC6.3.0",
    "EchoTime": 0.02763,
    "FlipAngle": 76.1,
    "ImageComments": "PIOP2",
    "ImageOrientationPatientDICOM": [
      0.999693,
      -0.0245168,
      0.00363494,
      0.0246065,
      0.999329,
      -0.0271425
    ],
    "Manufacturer": "Philips",
    "NumberOfVolumesDiscardedByScanner": 2,
    "ParallelAcquisitionTechnique": "SENSE",
    "ParallelReductionFactorInPlane": 2,
    "PatientPosition": "HFS",
    "PhaseEncodingDirection": "j",
    "PhilipsRescaleIntercept": 0,
    "PhilipsRescaleSlope": 0.79878,
    "PhilipsScaleSlope": 0.0582283,
    "ProtocolName": "WIPtask-wm_boldSENSE",
    "PulseSequenceType": "gradient echo EPI",
    "ReconMatrixPE": 80,
    "RepetitionTime": 2,
    "SeriesDescription": "ImageMRSERIES",
    "SeriesNumber": 3,
    "SliceEncodingDirection": "k",
    "TaskName": "workingmemory",
    "UsePhilipsFloatNotDisplayScaling": 1,
    "WaterFatShift": 12,
    "acq_id": "seq",
    "dataset": "ds002790",
    "modality": "bold",
    "subject_id": "0215",
    "task_id": "workingmemory"
  },
  "dummy_trs": 0,
  "dvars_nstd": 16.88384738647799,
  "dvars_std": 1.1530988511949691,
  "dvars_vstd": 1.0145228738364784,
  "efc": 0.44209749722351876,
  "fber": 167827.28125,
  "fd_mean": 0.09756075673151818,
  "fd_num": 7,
  "fd_perc": 4.375,
  "fwhm_avg": 1.9759765742102682,
  "fwhm_x": 1.9242633333333332,
  "fwhm_y": 2.2277633333333333,
  "fwhm_z": 1.7759030559641384,
  "gcor": 0.0569809,
  "gsr_x": -0.01395232230424881,
  "gsr_y": 0.021514052525162697,
  "provenance": {
    "md5sum": "8442c688740864f1b568d4d2ead3a292",
    "settings": {
      "fd_thres": 0.2,
      "testing": false
    },
    "software": "mriqc",
    "version": "23.0.1",
    "webapi_port": null,
    "webapi_url": "https://mriqc.nimh.nih.gov/api/v1"
  },
  "size_t": 160,
  "size_x": 80,
  "size_y": 80,
  "size_z": 36,
  "snr": 6.2076214098471825,
  "spacing_tr": 2.0,
  "spacing_x": 3.0,
  "spacing_y": 3.0,
  "spacing_z": 3.299999952316284,
  "summary_bg_k": 96.03228466734399,
  "summary_bg_mad": 66.06967591914145,
  "summary_bg_mean": 571.5917358398438,
  "summary_bg_median": 57.58721923828125,
  "summary_bg_n": 152021.0,
  "summary_bg_p05": 5.034983158111572,
  "summary_bg_p95": 2663.666015625,
  "summary_bg_stdv": 1596.4007568359375,
  "summary_fg_k": 1.8533201436174958,
  "summary_fg_mad": 3681.6169406623335,
  "summary_fg_mean": 24571.119140625,
  "summary_fg_median": 24282.712890625,
  "summary_fg_n": 37109.0,
  "summary_fg_p05": 18935.389453125,
  "summary_fg_p95": 30931.196874999994,
  "summary_fg_stdv": 3911.705322265625,
  "tsnr": 85.6753921508789
}