{
  "aor": 0.004030814814814814,
  "aqi": 0.004736433407407407,
  "bids_meta": {
    "AcquisitionNumber": 8,
    "BidsifyVersion": "0.3.5",
    "ConversionSoftware": "dcm2niix",
    "ConversionSoftwareVersion": "v1.0.20181125  GCC6.3.0",
    "EchoTime": 0.02763,
    "FlipAngle": 76.1,
    "ImageComments": "PIOP2",
    "ImageOrientationPatientDICOM": [
      0.999693,
      -0.0245168,
      0.00363494,
      0.0246065,
      0.999329,
      -0.0271425
    ],
    "Manufacturer": "Philips",
    "NumberOfVolumesDiscardedByScanner": 2,
    "ParallelAcquisitionTechnique": "SENSE",
    "ParallelReductionFactorInPlane": 2,
    "PatientPosition": "HFS",
    "PhaseEncodingDirection": "j",
    "PhilipsRescaleIntercept": 0,
    "PhilipsRescaleSlope": 0.79976,
    "PhilipsScaleSlope": 0.0574233,
    "ProtocolName": "WIPtask-harriri_boldSENSE",
    "PulseSequenceType": "gradient echo EPI",
    "ReconMatrixPE": 80,
    "RepetitionTime": 2,
    "SeriesDescription": "ImageMRSERIES",
    "SeriesNumber": 8,
    "SliceEncodingDirection": "k",
    "TaskName": "emomatching",
    "UsePhilipsFloatNotDisplayScaling": 1,
    "WaterFatShift": 12,
    "acq_id": "seq",
    "dataset": "ds002790",
    "modality": "bold",
    "subject_id": "0215",
    "task_id": "emomatching"
  },
  "dummy_trs": 0,
  "dvars_nstd": 17.419214917537303,
  "dvars_std": 1.165149285373135,
  "dvars_vstd": 1.0420770475373131,
  "efc": 0.4419443026371164,
  "fber": 169682.828125,
  "fd_mean": 0.16480954462626118,
  "fd_num": 34,
  "fd_perc": 25.185185185185187,
  "fwhm_avg": 1.9620962711782433,
  "fwhm_x": 1.9014333333333333,
  "fwhm_y": 2.20931,
  "fwhm_z": 1.775545480201396,
  "gcor": 0.0611439,
  "gsr_x": -0.014019234105944633,
  "gsr_y": 0.022202618420124054,
  "provenance": {
    "md5sum": "e58648b24cf814da97be7418cdbcb3c8",
    "settings": {
      "fd_thres": 0.2,
      "testing": false
    },
    "software": "mriqc",
    "version": "23.0.1",
    "webapi_port": null,
    "webapi_url": "https://mriqc.nimh.nih.gov/api/v1"
  },
  "size_t": 135,
  "size_x": 80,
  "size_y": 80,
  "size_z": 36,
  "snr": 6.227263415595944,
  "spacing_tr": 2.0,
  "spacing_x": 3.0,
  "spacing_y": 3.0,
  "spacing_z": 3.299999952316284,
  "summary_bg_k": 100.13228168999483,
  "summary_bg_mad": 65.0692740327002,
  "summary_bg_mean": 572.0108032226562,
  "summary_bg_median": 56.53577423095703,
  "summary_bg_n": 152128.0,
  "summary_bg_p05": 4.662511444091797,
  "summary_bg_p95": 2692.3550415039053,
  "summary_bg_stdv": 1614.6685791015625,
  "summary_fg_k": 2.091334781648137,
  "summary_fg_mad": 3537.290537393492,
  "summary_fg_mean": 24193.9453125,
  "summary_fg_median": 23918.09375,
  "summary_fg_n": 37046.0,
  "summary_fg_p05": 18670.505859375,
  "summary_fg_p95": 30440.41259765625,
  "summary_fg_stdv": 3840.815673828125,
  "tsnr": 82.7758560180664
}