{
  "bids_meta": {
    "AcquisitionNumber": 2,
    "BidsifyVersion": "0.3.5",
    "ConversionSoftware": "dcm2niix",
    "ConversionSoftwareVersion": "v1.0.20181125  GCC6.3.0",
    "EchoTime": 0.0038,
    "ImageComments": "PIOP2",
    "ImageOrientationPatientDICOM": [
      0.996787,
      0.0343779,
      -0.0723483,
      -0.0252313,
      0.991994,
      0.12374
    ],
    "Manufacturer": "Philips",
    "NumberSignalAcquisitions": 2,
    "PatientPosition": "HFS",
    "PhilipsRescaleIntercept": 0,
    "PhilipsRescaleSlope": 7.89866,
    "PhilipsScaleSlope": 0.00695827,
    "ProtocolName": "WIPT1anat_acq-6m_T1wSENSE",
    "ReconMatrixPE": 240,
    "RepetitionTime": 0.008292,
    "SeriesDescription": "ImageMRSERIES",
    "SeriesNumber": 2,
    "UsePhilipsFloatNotDisplayScaling": 1,
    "dataset": "ds002790",
    "modality": "T1w",
    "subject_id": "0114"
  },
  "cjv": 0.25254405897463555,
  "cnr": 4.784174667984367,
  "efc": 0.7748755187985287,
  "fber": 1320.5440673828125,
  "fwhm_avg": 4.6857198061685,
  "fwhm_x": 4.48367,
  "fwhm_y": 4.69556,
  "fwhm_z": 4.8779294185054995,
  "icvs_csf": 0.258101820773007,
  "icvs_gm": 0.392101434697767,
  "icvs_wm": 0.34979674452922604,
  "inu_med": 0.6499190330505371,
  "inu_range": 0.26026021540164945,
  "provenance": {
    "md5sum": "e266f73be5a4c7081e87baa1b0dcae59",
    "settings": {
      "testing": false
    },
    "software": "mriqc",
    "version": "22.0.0rc1",
    "warnings": {
      "large_rot_frame": true,
      "small_air_mask": true
    },
    "webapi_port": null,
    "webapi_url": "https://mriqc.nimh.nih.gov/api/v1"
  },
  "qi_1": 0.0,
  "qi_2": 0.0003870743309161368,
  "rpve_csf": 22.07650473270512,
  "rpve_gm": 14.006987766072198,
  "rpve_wm": 20.33850742123416,
  "size_x": 240,
  "size_y": 240,
  "size_z": 220,
  "snr_csf": 3.6419310508456104,
  "snr_gm": 10.410502475346775,
  "snr_total": 12.785556044327242,
  "snr_wm": 24.304234606789336,
  "snrd_csf": 22.13019035241306,
  "snrd_gm": 38.67872816602124,
  "snrd_total": 40.33043026543732,
  "snrd_wm": 60.18237227787768,
  "spacing_x": 1.0,
  "spacing_y": 1.0,
  "spacing_z": 1.0000001192092896,
  "summary_bg_k": 24.724091099947675,
  "summary_bg_mad": 10.885919437420958,
  "summary_bg_mean": 11.386637687683105,
  "summary_bg_median": 7.6276469230651855,
  "summary_bg_n": 89870.0,
  "summary_bg_p05": 0.0,
  "summary_bg_p95": 29.260763645172126,
  "summary_bg_stdv": 8.598402976989746,
  "summary_csf_k": 0.23712662262033835,
  "summary_csf_mad": 87.73799042451988,
  "summary_csf_mean": 346.0199279785156,
  "summary_csf_median": 367.7210998535156,
  "summary_csf_n": 22939.0,
  "summary_csf_p05": 139.87740325927734,
  "summary_csf_p95": 474.49031066894526,
  "summary_csf_stdv": 100.96651458740234,
  "summary_gm_k": 0.40074310238184907,
  "summary_gm_mad": 57.69434686613984,
  "summary_gm_mean": 646.2284545898438,
  "summary_gm_median": 642.6959838867188,
  "summary_gm_n": 27539.0,
  "summary_gm_p05": 550.9163024902343,
  "summary_gm_p95": 755.5422973632811,
  "summary_gm_stdv": 61.73422622680664,
  "summary_wm_k": 4.978396882457774,
  "summary_wm_mad": 32.542231885788944,
  "summary_wm_mean": 996.6755981445312,
  "summary_wm_median": 1000.0062255859375,
  "summary_wm_n": 211643.0,
  "summary_wm_p05": 922.8448486328125,
  "summary_wm_p95": 1054.6111450195312,
  "summary_wm_stdv": 41.1452522277832,
  "tpm_overlap_csf": 0.160263791680336,
  "tpm_overlap_gm": 0.43515998125076294,
  "tpm_overlap_wm": 0.50169837474823,
  "wm2max": 0.586227332755999
}