{
  "aor": 0.001812152466367713,
  "aqi": 0.003502038026905829,
  "bids_meta": {
    "AcquisitionNumber": 7,
    "BidsifyVersion": "0.3.5",
    "ConversionSoftware": "dcm2niix",
    "ConversionSoftwareVersion": "v1.0.20181125  GCC6.3.0",
    "EchoTime": 0.02763,
    "EffectiveEchoSpacing": 0.0006909035636805814,
    "FlipAngle": 76.1,
    "ImageComments": "PIOP2",
    "ImageOrientationPatientDICOM": [
      0.999499,
      0.0140192,
      0.028369,
      -0.0155269,
      0.998439,
      0.0536446
    ],
    "Manufacturer": "Philips",
    "NumberOfVolumesDiscardedByScanner": 2,
    "ParallelAcquisitionTechnique": "SENSE",
    "ParallelReductionFactorInPlane": 2,
    "PatientPosition": "HFS",
    "PhaseEncodingDirection": "j",
    "PhilipsRescaleIntercept": 0,
    "PhilipsRescaleSlope": 0.7685,
    "PhilipsScaleSlope": 0.0602264,
    "ProtocolName": "WIPtask-stop_boldSENSE",
    "PulseSequenceType": "gradient echo EPI",
    "ReconMatrixPE": 80,
    "RepetitionTime": 2,
    "SeriesDescription": "ImageMRSERIES",
    "SeriesNumber": 7,
    "SliceEncodingDirection": "k",
    "SliceTiming": [
      0.0,
      0.0556,
      0.1111,
      0.1667,
      0.2222,
      0.2778,
      0.3333,
      0.3889,
      0.4444,
      0.5,
      0.5556,
      0.6111,
      0.6667,
      0.7222,
      0.7778,
      0.8333,
      0.8889,
      0.9444,
      1.0,
      1.0556,
      1.1111,
      1.1667,
      1.2222,
      1.2778,
      1.3333,
      1.3889,
      1.4444,
      1.5,
      1.5556,
      1.6111,
      1.6667,
      1.7222,
      1.7778,
      1.8333,
      1.8889,
      1.9444
    ],
    "TaskName": "stopsignal",
    "TotalReadoutTime": 0.026945238983542674,
    "UsePhilipsFloatNotDisplayScaling": 1,
    "WaterFatShift": 12,
    "acq_id": "seq",
    "dataset": "ds002790",
    "modality": "bold",
    "subject_id": "0159",
    "task_id": "stopsignal"
  },
  "dummy_trs": 0,
  "dvars_nstd": 22.021779490000004,
  "dvars_std": 1.3051595614414413,
  "dvars_vstd": 1.0121124198198201,
  "efc": 0.46164127907702535,
  "fber": 179285.96875,
  "fd_mean": 0.14713096708292792,
  "fd_num": 37,
  "fd_perc": 16.591928251121075,
  "fwhm_avg": 2.209524151328545,
  "fwhm_x": 2.1301166666666664,
  "fwhm_y": 2.440046666666667,
  "fwhm_z": 2.0584091206523016,
  "gcor": 0.0225076,
  "gsr_x": -0.017501039430499077,
  "gsr_y": 0.020344579592347145,
  "provenance": {
    "md5sum": "26bc304f7cf225f8ba391eb578ac19c6",
    "settings": {
      "fd_thres": 0.2,
      "testing": false
    },
    "software": "mriqc",
    "version": "22.0.0rc1",
    "webapi_port": null,
    "webapi_url": "https://mriqc.nimh.nih.gov/api/v1"
  },
  "size_t": 223,
  "size_x": 80,
  "size_y": 80,
  "size_z": 36,
  "snr": 5.398689760501128,
  "spacing_tr": 2.0,
  "spacing_x": 3.0,
  "spacing_y": 3.0,
  "spacing_z": 3.299999952316284,
  "summary_bg_k": 53.63095805790544,
  "summary_bg_mad": 65.23378075698027,
  "summary_bg_mean": 651.89404296875,
  "summary_bg_median": 53.426483154296875,
  "summary_bg_n": 149289.0,
  "summary_bg_p05": 3.426162672042847,
  "summary_bg_p95": 3112.0879882812505,
  "summary_bg_stdv": 1773.65576171875,
  "summary_fg_k": 3.350527775953263,
  "summary_fg_mad": 3527.753524880507,
  "summary_fg_mean": 23578.853515625,
  "summary_fg_median": 23057.41796875,
  "summary_fg_n": 40282.0,
  "summary_fg_p05": 17972.93603515625,
  "summary_fg_p95": 30665.624707031242,
  "summary_fg_stdv": 4270.87548828125,
  "tsnr": 95.96734619140625
}