{
  "aor": 0.0027006875,
  "aqi": 0.003859448125,
  "bids_meta": {
    "AcquisitionNumber": 3,
    "BidsifyVersion": "0.3.5",
    "ConversionSoftware": "dcm2niix",
    "ConversionSoftwareVersion": "v1.0.20181125  GCC6.3.0",
    "EchoTime": 0.02763,
    "EffectiveEchoSpacing": 0.0006909035636805814,
    "FlipAngle": 76.1,
    "ImageComments": "PIOP2",
    "ImageOrientationPatientDICOM": [
      0.999499,
      0.0140192,
      0.028369,
      -0.0155269,
      0.998439,
      0.0536446
    ],
    "Manufacturer": "Philips",
    "NumberOfVolumesDiscardedByScanner": 2,
    "ParallelAcquisitionTechnique": "SENSE",
    "ParallelReductionFactorInPlane": 2,
    "PatientPosition": "HFS",
    "PhaseEncodingDirection": "j",
    "PhilipsRescaleIntercept": 0,
    "PhilipsRescaleSlope": 0.7663,
    "PhilipsScaleSlope": 0.0598653,
    "ProtocolName": "WIPtask-wm_boldSENSE",
    "PulseSequenceType": "gradient echo EPI",
    "ReconMatrixPE": 80,
    "RepetitionTime": 2,
    "SeriesDescription": "ImageMRSERIES",
    "SeriesNumber": 3,
    "SliceEncodingDirection": "k",
    "SliceTiming": [
      0.0,
      0.0556,
      0.1111,
      0.1667,
      0.2222,
      0.2778,
      0.3333,
      0.3889,
      0.4444,
      0.5,
      0.5556,
      0.6111,
      0.6667,
      0.7222,
      0.7778,
      0.8333,
      0.8889,
      0.9444,
      1.0,
      1.0556,
      1.1111,
      1.1667,
      1.2222,
      1.2778,
      1.3333,
      1.3889,
      1.4444,
      1.5,
      1.5556,
      1.6111,
      1.6667,
      1.7222,
      1.7778,
      1.8333,
      1.8889,
      1.9444
    ],
    "TaskName": "workingmemory",
    "TotalReadoutTime": 0.026945238983542674,
    "UsePhilipsFloatNotDisplayScaling": 1,
    "WaterFatShift": 12,
    "acq_id": "seq",
    "dataset": "ds002790",
    "modality": "bold",
    "subject_id": "0159",
    "task_id": "workingmemory"
  },
  "dummy_trs": 0,
  "dvars_nstd": 20.124393739119498,
  "dvars_std": 1.2901285302515724,
  "dvars_vstd": 1.0139794561635214,
  "efc": 0.45929788385630893,
  "fber": 199871.046875,
  "fd_mean": 0.13563760439241107,
  "fd_num": 22,
  "fd_perc": 13.75,
  "fwhm_avg": 2.214212434168154,
  "fwhm_x": 2.135336666666667,
  "fwhm_y": 2.44654,
  "fwhm_z": 2.0607606358377955,
  "gcor": 0.0498577,
  "gsr_x": -0.017439860850572586,
  "gsr_y": 0.019828680902719498,
  "provenance": {
    "md5sum": "ed4e9e589fcd254f95916e2719a2505a",
    "settings": {
      "fd_thres": 0.2,
      "testing": false
    },
    "software": "mriqc",
    "version": "22.0.0rc1",
    "webapi_port": null,
    "webapi_url": "https://mriqc.nimh.nih.gov/api/v1"
  },
  "size_t": 160,
  "size_x": 80,
  "size_y": 80,
  "size_z": 36,
  "snr": 5.336006941128857,
  "spacing_tr": 2.0,
  "spacing_x": 3.0,
  "spacing_y": 3.0,
  "spacing_z": 3.299999952316284,
  "summary_bg_k": 57.959824016218555,
  "summary_bg_mad": 62.3676652234678,
  "summary_bg_mean": 637.7450561523438,
  "summary_bg_median": 51.47628402709961,
  "summary_bg_n": 149485.0,
  "summary_bg_p05": 3.759571743011477,
  "summary_bg_p95": 3009.5696777343746,
  "summary_bg_stdv": 1767.1182861328125,
  "summary_fg_k": 3.3769865995162984,
  "summary_fg_mad": 3635.359461874213,
  "summary_fg_mean": 24022.3125,
  "summary_fg_median": 23482.55078125,
  "summary_fg_n": 40100.0,
  "summary_fg_p05": 18255.86455078125,
  "summary_fg_p95": 31381.530566406233,
  "summary_fg_stdv": 4400.71728515625,
  "tsnr": 90.83552551269531
}