{
  "bids_meta": {
    "AcquisitionNumber": 2,
    "BidsifyVersion": "0.3.5",
    "ConversionSoftware": "dcm2niix",
    "ConversionSoftwareVersion": "v1.0.20181125  GCC6.3.0",
    "EchoTime": 0.00378,
    "ImageComments": "PIOP2",
    "ImageOrientationPatientDICOM": [
      0.999722,
      0.00336427,
      0.0233209,
      -0.000348969,
      0.99176,
      -0.128111
    ],
    "Manufacturer": "Philips",
    "NumberSignalAcquisitions": 2,
    "PatientPosition": "HFS",
    "PhilipsRescaleIntercept": 0,
    "PhilipsRescaleSlope": 8.54481,
    "PhilipsScaleSlope": 0.00749437,
    "ProtocolName": "WIPT1anat_acq-6m_T1wSENSE",
    "ReconMatrixPE": 240,
    "RepetitionTime": 0.008239,
    "SeriesDescription": "ImageMRSERIES",
    "SeriesNumber": 2,
    "UsePhilipsFloatNotDisplayScaling": 1,
    "dataset": "ds002790",
    "modality": "T1w",
    "subject_id": "0142"
  },
  "cjv": 0.2614203466429029,
  "cnr": 4.621757650068567,
  "efc": 0.7607924767198841,
  "fber": 1758.8519287109375,
  "fwhm_avg": 4.691579999999999,
  "fwhm_x": 4.33454,
  "fwhm_y": 4.76453,
  "fwhm_z": 4.97567,
  "icvs_csf": 0.26928830593562725,
  "icvs_gm": 0.38518174927400517,
  "icvs_wm": 0.3455299447903676,
  "inu_med": 1.9192368984222412,
  "inu_range": 0.42270610332489,
  "provenance": {
    "md5sum": "1b6ab73e5a3de92097472a9527c236f6",
    "settings": {
      "testing": false
    },
    "software": "mriqc",
    "version": "22.0.0rc1",
    "warnings": {
      "large_rot_frame": true,
      "small_air_mask": true
    },
    "webapi_port": null,
    "webapi_url": "https://mriqc.nimh.nih.gov/api/v1"
  },
  "qi_1": 0.0,
  "qi_2": 9.15158930652547e-05,
  "rpve_csf": 23.381389809850216,
  "rpve_gm": 15.295157679472121,
  "rpve_wm": 22.670390277597892,
  "size_x": 240,
  "size_y": 240,
  "size_z": 220,
  "snr_csf": 3.454250914613722,
  "snr_gm": 8.959092373711316,
  "snr_total": 12.282785318290012,
  "snr_wm": 24.435012666544996,
  "snrd_csf": 27.204421743072448,
  "snrd_gm": 52.756887266765425,
  "snrd_total": 54.80765283812338,
  "snrd_wm": 84.46164950453229,
  "spacing_x": 1.0,
  "spacing_y": 1.0,
  "spacing_z": 1.0,
  "summary_bg_k": 237.80031135074356,
  "summary_bg_mad": 7.756565290843145,
  "summary_bg_mean": 8.008210182189941,
  "summary_bg_median": 5.367849349975586,
  "summary_bg_n": 140893.0,
  "summary_bg_p05": 0.0,
  "summary_bg_p95": 16.384207153320304,
  "summary_bg_stdv": 7.820319175720215,
  "summary_csf_k": -0.046036783923518954,
  "summary_csf_mad": 84.66596152956521,
  "summary_csf_mean": 303.4778137207031,
  "summary_csf_median": 322.0899963378906,
  "summary_csf_n": 17128.0,
  "summary_csf_p05": 122.31907806396484,
  "summary_csf_p95": 426.4639694213867,
  "summary_csf_stdv": 93.24180603027344,
  "summary_gm_k": 0.6179521249220472,
  "summary_gm_mad": 62.426430552261834,
  "summary_gm_mean": 631.9219360351562,
  "summary_gm_median": 624.6214599609375,
  "summary_gm_n": 16014.0,
  "summary_gm_p05": 528.6985107421875,
  "summary_gm_p95": 758.2091705322266,
  "summary_gm_stdv": 69.71710205078125,
  "summary_wm_k": 1.2327123554294266,
  "summary_wm_mad": 35.703530012222856,
  "summary_wm_mean": 996.2620239257812,
  "summary_wm_median": 999.9937744140625,
  "summary_wm_n": 189077.0,
  "summary_wm_p05": 922.0791015625,
  "summary_wm_p95": 1056.07890625,
  "summary_wm_stdv": 40.92451858520508,
  "tpm_overlap_csf": 0.15201479196548462,
  "tpm_overlap_gm": 0.42862987518310547,
  "tpm_overlap_wm": 0.49623921513557434,
  "wm2max": 0.7747696795208316
}