{
  "aor": 0.004174296296296297,
  "aqi": 0.004874840962962963,
  "bids_meta": {
    "AcquisitionNumber": 8,
    "BidsifyVersion": "0.3.5",
    "ConversionSoftware": "dcm2niix",
    "ConversionSoftwareVersion": "v1.0.20181125  GCC6.3.0",
    "EchoTime": 0.02763,
    "EffectiveEchoSpacing": 0.0006909035636805814,
    "FlipAngle": 76.1,
    "ImageComments": "PIOP2",
    "ImageOrientationPatientDICOM": [
      0.99982,
      0.00550684,
      0.0181473,
      -0.00209402,
      0.983118,
      -0.18296
    ],
    "Manufacturer": "Philips",
    "NumberOfVolumesDiscardedByScanner": 2,
    "ParallelAcquisitionTechnique": "SENSE",
    "ParallelReductionFactorInPlane": 2,
    "PatientPosition": "HFS",
    "PhaseEncodingDirection": "j",
    "PhilipsRescaleIntercept": 0,
    "PhilipsRescaleSlope": 0.75775,
    "PhilipsScaleSlope": 0.0591614,
    "ProtocolName": "WIPtask-harriri_boldSENSE",
    "PulseSequenceType": "gradient echo EPI",
    "ReconMatrixPE": 80,
    "RepetitionTime": 2,
    "SeriesDescription": "ImageMRSERIES",
    "SeriesNumber": 8,
    "SliceEncodingDirection": "k",
    "SliceTiming": [
      0.0,
      0.0556,
      0.1111,
      0.1667,
      0.2222,
      0.2778,
      0.3333,
      0.3889,
      0.4444,
      0.5,
      0.5556,
      0.6111,
      0.6667,
      0.7222,
      0.7778,
      0.8333,
      0.8889,
      0.9444,
      1.0,
      1.0556,
      1.1111,
      1.1667,
      1.2222,
      1.2778,
      1.3333,
      1.3889,
      1.4444,
      1.5,
      1.5556,
      1.6111,
      1.6667,
      1.7222,
      1.7778,
      1.8333,
      1.8889,
      1.9444
    ],
    "TaskName": "emomatching",
    "TotalReadoutTime": 0.026945238983542674,
    "UsePhilipsFloatNotDisplayScaling": 1,
    "WaterFatShift": 12,
    "acq_id": "seq",
    "dataset": "ds002790",
    "modality": "bold",
    "subject_id": "0076",
    "task_id": "emomatching"
  },
  "dummy_trs": 0,
  "dvars_nstd": 18.331831768656723,
  "dvars_std": 1.269129900298507,
  "dvars_vstd": 1.0326401216417915,
  "efc": 0.4050237482355266,
  "fber": 281732.84375,
  "fd_mean": 0.12783177269008097,
  "fd_num": 16,
  "fd_perc": 11.851851851851851,
  "fwhm_avg": 2.0048339482909587,
  "fwhm_x": 2.0113666666666665,
  "fwhm_y": 2.155953333333333,
  "fwhm_z": 1.847181844872877,
  "gcor": 0.0363069,
  "gsr_x": -0.015301981940865517,
  "gsr_y": 0.009088851511478424,
  "provenance": {
    "md5sum": "b7046c27a70e5e69b0d97afcc95af161",
    "settings": {
      "fd_thres": 0.2,
      "testing": false
    },
    "software": "mriqc",
    "version": "22.0.0rc1",
    "webapi_port": null,
    "webapi_url": "https://mriqc.nimh.nih.gov/api/v1"
  },
  "size_t": 135,
  "size_x": 80,
  "size_y": 80,
  "size_z": 36,
  "snr": 5.928604310789425,
  "spacing_tr": 2.0,
  "spacing_x": 3.0,
  "spacing_y": 3.0,
  "spacing_z": 3.299999952316284,
  "summary_bg_k": 74.09241003122588,
  "summary_bg_mad": 47.5817941149183,
  "summary_bg_mean": 514.5342407226562,
  "summary_bg_median": 47.706993103027344,
  "summary_bg_n": 159096.0,
  "summary_bg_p05": 4.846290826797485,
  "summary_bg_p95": 2350.5996704101562,
  "summary_bg_stdv": 1684.55908203125,
  "summary_fg_k": 1.1879381539035831,
  "summary_fg_mad": 4070.038451958595,
  "summary_fg_mean": 26132.619140625,
  "summary_fg_median": 25705.841796875,
  "summary_fg_n": 31851.0,
  "summary_fg_p05": 19932.236328125,
  "summary_fg_p95": 33497.2890625,
  "summary_fg_stdv": 4335.8330078125,
  "tsnr": 86.9727554321289
}