{
  "aor": 0.0014294583333333334,
  "aqi": 0.003015747583333333,
  "bids_meta": {
    "AcquisitionNumber": 4,
    "BidsifyVersion": "0.3.5",
    "ConversionSoftware": "dcm2niix",
    "ConversionSoftwareVersion": "v1.0.20181125  GCC6.3.0",
    "EchoTime": 0.02763,
    "EffectiveEchoSpacing": 0.0006909035636805814,
    "FlipAngle": 76.1,
    "ImageComments": "PIOP2",
    "ImageOrientationPatientDICOM": [
      0.99982,
      0.00550684,
      0.0181473,
      -0.00209402,
      0.983118,
      -0.18296
    ],
    "Manufacturer": "Philips",
    "NumberOfVolumesDiscardedByScanner": 2,
    "ParallelAcquisitionTechnique": "SENSE",
    "ParallelReductionFactorInPlane": 2,
    "PatientPosition": "HFS",
    "PhaseEncodingDirection": "j",
    "PhilipsRescaleIntercept": 0,
    "PhilipsRescaleSlope": 0.73919,
    "PhilipsScaleSlope": 0.058591,
    "ProtocolName": "WIPtask-rest_boldSENSE",
    "PulseSequenceType": "gradient echo EPI",
    "ReconMatrixPE": 80,
    "RepetitionTime": 2,
    "SeriesDescription": "ImageMRSERIES",
    "SeriesNumber": 4,
    "SliceEncodingDirection": "k",
    "SliceTiming": [
      0.0,
      0.0556,
      0.1111,
      0.1667,
      0.2222,
      0.2778,
      0.3333,
      0.3889,
      0.4444,
      0.5,
      0.5556,
      0.6111,
      0.6667,
      0.7222,
      0.7778,
      0.8333,
      0.8889,
      0.9444,
      1.0,
      1.0556,
      1.1111,
      1.1667,
      1.2222,
      1.2778,
      1.3333,
      1.3889,
      1.4444,
      1.5,
      1.5556,
      1.6111,
      1.6667,
      1.7222,
      1.7778,
      1.8333,
      1.8889,
      1.9444
    ],
    "TaskName": "restingstate",
    "TotalReadoutTime": 0.026945238983542674,
    "UsePhilipsFloatNotDisplayScaling": 1,
    "WaterFatShift": 12,
    "acq_id": "seq",
    "dataset": "ds002790",
    "modality": "bold",
    "subject_id": "0076",
    "task_id": "restingstate"
  },
  "dummy_trs": 0,
  "dvars_nstd": 19.099136408075292,
  "dvars_std": 1.3127424784100419,
  "dvars_vstd": 1.0019967616317984,
  "efc": 0.4037136235190632,
  "fber": 330016.0,
  "fd_mean": 0.11058077082707571,
  "fd_num": 17,
  "fd_perc": 7.083333333333333,
  "fwhm_avg": 2.0025854634769344,
  "fwhm_x": 1.9975100000000001,
  "fwhm_y": 2.15591,
  "fwhm_z": 1.8543363904308028,
  "gcor": 0.0401809,
  "gsr_x": -0.01585930958390236,
  "gsr_y": 0.008397690020501614,
  "provenance": {
    "md5sum": "ed1ef274489cf9edf0fd81f930232a08",
    "settings": {
      "fd_thres": 0.2,
      "testing": false
    },
    "software": "mriqc",
    "version": "22.0.0rc1",
    "webapi_port": null,
    "webapi_url": "https://mriqc.nimh.nih.gov/api/v1"
  },
  "size_t": 240,
  "size_x": 80,
  "size_y": 80,
  "size_z": 36,
  "snr": 5.7276574290754505,
  "spacing_tr": 2.0,
  "spacing_x": 3.0,
  "spacing_y": 3.0,
  "spacing_z": 3.299999952316284,
  "summary_bg_k": 82.68918981651133,
  "summary_bg_mad": 45.006099092921716,
  "summary_bg_mean": 502.24432373046875,
  "summary_bg_median": 44.11062240600586,
  "summary_bg_n": 159060.0,
  "summary_bg_p05": 3.5094139099121096,
  "summary_bg_p95": 2272.0764160156223,
  "summary_bg_stdv": 1683.35791015625,
  "summary_fg_k": 1.3836960535358092,
  "summary_fg_mad": 4228.410484252558,
  "summary_fg_mean": 26176.662109375,
  "summary_fg_median": 25762.65234375,
  "summary_fg_n": 31858.0,
  "summary_fg_p05": 19796.62822265625,
  "summary_fg_p95": 33761.9517578125,
  "summary_fg_stdv": 4497.8681640625,
  "tsnr": 104.39307403564453
}