{
  "aor": 0.001651561181434599,
  "aqi": 0.003987830084388185,
  "bids_meta": {
    "AcquisitionNumber": 7,
    "BidsifyVersion": "0.3.5",
    "ConversionSoftware": "dcm2niix",
    "ConversionSoftwareVersion": "v1.0.20181125  GCC6.3.0",
    "EchoTime": 0.02763,
    "EffectiveEchoSpacing": 0.0006909035636805814,
    "FlipAngle": 76.1,
    "ImageComments": "PIOP2",
    "ImageOrientationPatientDICOM": [
      0.99982,
      0.00550684,
      0.0181473,
      -0.00209402,
      0.983118,
      -0.18296
    ],
    "Manufacturer": "Philips",
    "NumberOfVolumesDiscardedByScanner": 2,
    "ParallelAcquisitionTechnique": "SENSE",
    "ParallelReductionFactorInPlane": 2,
    "PatientPosition": "HFS",
    "PhaseEncodingDirection": "j",
    "PhilipsRescaleIntercept": 0,
    "PhilipsRescaleSlope": 0.75556,
    "PhilipsScaleSlope": 0.0589616,
    "ProtocolName": "WIPtask-stop_boldSENSE",
    "PulseSequenceType": "gradient echo EPI",
    "ReconMatrixPE": 80,
    "RepetitionTime": 2,
    "SeriesDescription": "ImageMRSERIES",
    "SeriesNumber": 7,
    "SliceEncodingDirection": "k",
    "SliceTiming": [
      0.0,
      0.0556,
      0.1111,
      0.1667,
      0.2222,
      0.2778,
      0.3333,
      0.3889,
      0.4444,
      0.5,
      0.5556,
      0.6111,
      0.6667,
      0.7222,
      0.7778,
      0.8333,
      0.8889,
      0.9444,
      1.0,
      1.0556,
      1.1111,
      1.1667,
      1.2222,
      1.2778,
      1.3333,
      1.3889,
      1.4444,
      1.5,
      1.5556,
      1.6111,
      1.6667,
      1.7222,
      1.7778,
      1.8333,
      1.8889,
      1.9444
    ],
    "TaskName": "stopsignal",
    "TotalReadoutTime": 0.026945238983542674,
    "UsePhilipsFloatNotDisplayScaling": 1,
    "WaterFatShift": 12,
    "acq_id": "seq",
    "dataset": "ds002790",
    "modality": "bold",
    "subject_id": "0076",
    "task_id": "stopsignal"
  },
  "dummy_trs": 0,
  "dvars_nstd": 16.988767123177965,
  "dvars_std": 1.2267266902118645,
  "dvars_vstd": 1.0028703003813557,
  "efc": 0.4050162924086541,
  "fber": 277959.21875,
  "fd_mean": 0.09834155757633826,
  "fd_num": 7,
  "fd_perc": 2.9535864978902953,
  "fwhm_avg": 2.006872736217606,
  "fwhm_x": 2.0065399999999998,
  "fwhm_y": 2.15696,
  "fwhm_z": 1.8571182086528173,
  "gcor": 0.0317983,
  "gsr_x": -0.015762081369757652,
  "gsr_y": 0.00936806295067072,
  "provenance": {
    "md5sum": "4fd209539fbbc83c19b448ca3ccf6d40",
    "settings": {
      "fd_thres": 0.2,
      "testing": false
    },
    "software": "mriqc",
    "version": "22.0.0rc1",
    "webapi_port": null,
    "webapi_url": "https://mriqc.nimh.nih.gov/api/v1"
  },
  "size_t": 237,
  "size_x": 80,
  "size_y": 80,
  "size_z": 36,
  "snr": 5.886697286541142,
  "spacing_tr": 2.0,
  "spacing_x": 3.0,
  "spacing_y": 3.0,
  "spacing_z": 3.299999952316284,
  "summary_bg_k": 76.67815368934666,
  "summary_bg_mad": 48.28510461690084,
  "summary_bg_mean": 515.4628295898438,
  "summary_bg_median": 48.1894416809082,
  "summary_bg_n": 159099.0,
  "summary_bg_p05": 4.807107734680176,
  "summary_bg_p95": 2336.1826171875005,
  "summary_bg_stdv": 1694.66357421875,
  "summary_fg_k": 1.1799086042744378,
  "summary_fg_mad": 4111.513669879798,
  "summary_fg_mean": 26185.330078125,
  "summary_fg_median": 25778.306640625,
  "summary_fg_n": 31856.0,
  "summary_fg_p05": 19934.048828125,
  "summary_fg_p95": 33590.6640625,
  "summary_fg_stdv": 4379.00927734375,
  "tsnr": 97.0704116821289
}