{
  "aor": 0.0020278125,
  "aqi": 0.0028509951874999997,
  "bids_meta": {
    "AcquisitionNumber": 3,
    "BidsifyVersion": "0.3.5",
    "ConversionSoftware": "dcm2niix",
    "ConversionSoftwareVersion": "v1.0.20181125  GCC6.3.0",
    "EchoTime": 0.02763,
    "EffectiveEchoSpacing": 0.0006909035636805814,
    "FlipAngle": 76.1,
    "ImageComments": "PIOP2",
    "ImageOrientationPatientDICOM": [
      0.99982,
      0.00550684,
      0.0181473,
      -0.00209402,
      0.983118,
      -0.18296
    ],
    "Manufacturer": "Philips",
    "NumberOfVolumesDiscardedByScanner": 2,
    "ParallelAcquisitionTechnique": "SENSE",
    "ParallelReductionFactorInPlane": 2,
    "PatientPosition": "HFS",
    "PhaseEncodingDirection": "j",
    "PhilipsRescaleIntercept": 0,
    "PhilipsRescaleSlope": 0.76947,
    "PhilipsScaleSlope": 0.0571453,
    "ProtocolName": "WIPtask-wm_boldSENSE",
    "PulseSequenceType": "gradient echo EPI",
    "ReconMatrixPE": 80,
    "RepetitionTime": 2,
    "SeriesDescription": "ImageMRSERIES",
    "SeriesNumber": 3,
    "SliceEncodingDirection": "k",
    "SliceTiming": [
      0.0,
      0.0556,
      0.1111,
      0.1667,
      0.2222,
      0.2778,
      0.3333,
      0.3889,
      0.4444,
      0.5,
      0.5556,
      0.6111,
      0.6667,
      0.7222,
      0.7778,
      0.8333,
      0.8889,
      0.9444,
      1.0,
      1.0556,
      1.1111,
      1.1667,
      1.2222,
      1.2778,
      1.3333,
      1.3889,
      1.4444,
      1.5,
      1.5556,
      1.6111,
      1.6667,
      1.7222,
      1.7778,
      1.8333,
      1.8889,
      1.9444
    ],
    "TaskName": "workingmemory",
    "TotalReadoutTime": 0.026945238983542674,
    "UsePhilipsFloatNotDisplayScaling": 1,
    "WaterFatShift": 12,
    "acq_id": "seq",
    "dataset": "ds002790",
    "modality": "bold",
    "subject_id": "0076",
    "task_id": "workingmemory"
  },
  "dummy_trs": 0,
  "dvars_nstd": 19.88059841584905,
  "dvars_std": 1.3671392463522014,
  "dvars_vstd": 1.0023321449056608,
  "efc": 0.40327014599359723,
  "fber": 324293.21875,
  "fd_mean": 0.08138745902047716,
  "fd_num": 2,
  "fd_perc": 1.25,
  "fwhm_avg": 2.0239596050346527,
  "fwhm_x": 2.0198033333333334,
  "fwhm_y": 2.16793,
  "fwhm_z": 1.8841454817706234,
  "gcor": 0.0426006,
  "gsr_x": -0.015809953212738037,
  "gsr_y": 0.008123177103698254,
  "provenance": {
    "md5sum": "0c7dd7190c251a3070807bc4c3225b84",
    "settings": {
      "fd_thres": 0.2,
      "testing": false
    },
    "software": "mriqc",
    "version": "22.0.0rc1",
    "webapi_port": null,
    "webapi_url": "https://mriqc.nimh.nih.gov/api/v1"
  },
  "size_t": 160,
  "size_x": 80,
  "size_y": 80,
  "size_z": 36,
  "snr": 5.695315237746406,
  "spacing_tr": 2.0,
  "spacing_x": 3.0,
  "spacing_y": 3.0,
  "spacing_z": 3.299999952316284,
  "summary_bg_k": 74.47373353655168,
  "summary_bg_mad": 46.26670390692422,
  "summary_bg_mean": 495.39007568359375,
  "summary_bg_median": 44.46324920654297,
  "summary_bg_n": 159102.0,
  "summary_bg_p05": 3.5123593091964724,
  "summary_bg_p95": 2244.4013549804654,
  "summary_bg_stdv": 1647.554931640625,
  "summary_fg_k": 1.2187450985086725,
  "summary_fg_mad": 4307.191101355415,
  "summary_fg_mean": 26177.837890625,
  "summary_fg_median": 25767.6796875,
  "summary_fg_n": 31812.0,
  "summary_fg_p05": 19756.64326171875,
  "summary_fg_p95": 33761.54433593749,
  "summary_fg_stdv": 4524.29296875,
  "tsnr": 105.10885620117188
}