{
  "aor": 0.0027976249999999998,
  "aqi": 0.0054314735625,
  "bids_meta": {
    "AcquisitionNumber": 3,
    "BidsifyVersion": "0.3.5",
    "ConversionSoftware": "dcm2niix",
    "ConversionSoftwareVersion": "v1.0.20181125  GCC6.3.0",
    "EchoTime": 0.02763,
    "EffectiveEchoSpacing": 0.0006909035636805814,
    "FlipAngle": 76.1,
    "ImageComments": "PIOP2",
    "ImageOrientationPatientDICOM": [
      0.99943,
      0.0323454,
      0.00968536,
      -0.0314083,
      0.995895,
      -0.0848935
    ],
    "Manufacturer": "Philips",
    "NumberOfVolumesDiscardedByScanner": 2,
    "ParallelAcquisitionTechnique": "SENSE",
    "ParallelReductionFactorInPlane": 2,
    "PatientPosition": "HFS",
    "PhaseEncodingDirection": "j",
    "PhilipsRescaleIntercept": 0,
    "PhilipsRescaleSlope": 0.76093,
    "PhilipsScaleSlope": 0.0521257,
    "ProtocolName": "WIPtask-wm_boldSENSE",
    "PulseSequenceType": "gradient echo EPI",
    "ReconMatrixPE": 80,
    "RepetitionTime": 2,
    "SeriesDescription": "ImageMRSERIES",
    "SeriesNumber": 3,
    "SliceEncodingDirection": "k",
    "SliceTiming": [
      0.0,
      0.0556,
      0.1111,
      0.1667,
      0.2222,
      0.2778,
      0.3333,
      0.3889,
      0.4444,
      0.5,
      0.5556,
      0.6111,
      0.6667,
      0.7222,
      0.7778,
      0.8333,
      0.8889,
      0.9444,
      1.0,
      1.0556,
      1.1111,
      1.1667,
      1.2222,
      1.2778,
      1.3333,
      1.3889,
      1.4444,
      1.5,
      1.5556,
      1.6111,
      1.6667,
      1.7222,
      1.7778,
      1.8333,
      1.8889,
      1.9444
    ],
    "TaskName": "workingmemory",
    "TotalReadoutTime": 0.026945238983542674,
    "UsePhilipsFloatNotDisplayScaling": 1,
    "WaterFatShift": 12,
    "acq_id": "seq",
    "dataset": "ds002790",
    "modality": "bold",
    "subject_id": "0006",
    "task_id": "workingmemory"
  },
  "dummy_trs": 0,
  "dvars_nstd": 19.998846281635206,
  "dvars_std": 1.2282125978616354,
  "dvars_vstd": 0.9759047140880501,
  "efc": 0.45945981123440727,
  "fber": 181588.1875,
  "fd_mean": 0.1074641842134226,
  "fd_num": 11,
  "fd_perc": 6.875,
  "fwhm_avg": 2.0330425343326173,
  "fwhm_x": 1.9955933333333336,
  "fwhm_y": 2.2183433333333333,
  "fwhm_z": 1.8851909363311843,
  "gcor": 0.0412889,
  "gsr_x": -0.01796964928507805,
  "gsr_y": 0.023822549730539322,
  "provenance": {
    "md5sum": "aa876eeb20dfab56cd9acc4fb2e14495",
    "settings": {
      "fd_thres": 0.2,
      "testing": false
    },
    "software": "mriqc",
    "version": "22.0.0rc1",
    "webapi_port": null,
    "webapi_url": "https://mriqc.nimh.nih.gov/api/v1"
  },
  "size_t": 160,
  "size_x": 80,
  "size_y": 80,
  "size_z": 36,
  "snr": 5.277318161565916,
  "spacing_tr": 2.0,
  "spacing_x": 3.0,
  "spacing_y": 3.0,
  "spacing_z": 3.299999952316284,
  "summary_bg_k": 47.78709428296272,
  "summary_bg_mad": 65.21116652598243,
  "summary_bg_mean": 718.2949829101562,
  "summary_bg_median": 59.4808349609375,
  "summary_bg_n": 148707.0,
  "summary_bg_p05": 6.090287446975708,
  "summary_bg_p95": 3853.597412109351,
  "summary_bg_stdv": 1871.586181640625,
  "summary_fg_k": 1.9934689485588546,
  "summary_fg_mad": 4404.071337924619,
  "summary_fg_mean": 26785.546875,
  "summary_fg_median": 26100.546875,
  "summary_fg_n": 39802.0,
  "summary_fg_p05": 20233.42822265625,
  "summary_fg_p95": 35507.965625,
  "summary_fg_stdv": 4945.7353515625,
  "tsnr": 76.6390380859375
}