{
  "aor": 0.0021655,
  "aqi": 0.0027901434375,
  "bids_meta": {
    "AcquisitionNumber": 3,
    "BidsifyVersion": "0.3.5",
    "ConversionSoftware": "dcm2niix",
    "ConversionSoftwareVersion": "v1.0.20181125  GCC6.3.0",
    "EchoTime": 0.02763,
    "FlipAngle": 76.1,
    "ImageComments": "PIOP2",
    "ImageOrientationPatientDICOM": [
      0.999487,
      0.0317545,
      0.00414892,
      -0.0300133,
      0.974013,
      -0.224496
    ],
    "Manufacturer": "Philips",
    "NumberOfVolumesDiscardedByScanner": 2,
    "ParallelAcquisitionTechnique": "SENSE",
    "ParallelReductionFactorInPlane": 2,
    "PatientPosition": "HFS",
    "PhaseEncodingDirection": "j",
    "PhilipsRescaleIntercept": 0,
    "PhilipsRescaleSlope": 0.84371,
    "PhilipsScaleSlope": 0.0569855,
    "ProtocolName": "WIPtask-wm_boldSENSE",
    "PulseSequenceType": "gradient echo EPI",
    "ReconMatrixPE": 80,
    "RepetitionTime": 2,
    "SeriesDescription": "ImageMRSERIES",
    "SeriesNumber": 3,
    "SliceEncodingDirection": "k",
    "TaskName": "workingmemory",
    "UsePhilipsFloatNotDisplayScaling": 1,
    "WaterFatShift": 12,
    "acq_id": "seq",
    "dataset": "ds002790",
    "modality": "bold",
    "subject_id": "0208",
    "task_id": "workingmemory"
  },
  "dummy_trs": 0,
  "dvars_nstd": 18.383719888427674,
  "dvars_std": 1.2836869344654094,
  "dvars_vstd": 1.0058771284276729,
  "efc": 0.4018532093485129,
  "fber": 190049.03125,
  "fd_mean": 0.10232285796663029,
  "fd_num": 1,
  "fd_perc": 0.625,
  "fwhm_avg": 2.1504021307475947,
  "fwhm_x": 2.1313866666666668,
  "fwhm_y": 2.3400833333333333,
  "fwhm_z": 1.979736392242784,
  "gcor": 0.0159658,
  "gsr_x": -0.022386910393834114,
  "gsr_y": 0.009932933375239372,
  "provenance": {
    "md5sum": "406dbb21afc814d0d4a674219670235d",
    "settings": {
      "fd_thres": 0.2,
      "testing": false
    },
    "software": "mriqc",
    "version": "23.0.1",
    "webapi_port": null,
    "webapi_url": "https://mriqc.nimh.nih.gov/api/v1"
  },
  "size_t": 160,
  "size_x": 80,
  "size_y": 80,
  "size_z": 36,
  "snr": 6.029370013671925,
  "spacing_tr": 2.0,
  "spacing_x": 3.0,
  "spacing_y": 3.0,
  "spacing_z": 3.299999952316284,
  "summary_bg_k": 91.77571623725713,
  "summary_bg_mad": 60.24504803035548,
  "summary_bg_mean": 498.759521484375,
  "summary_bg_median": 56.029273986816406,
  "summary_bg_n": 160075.0,
  "summary_bg_p05": 7.265637302398682,
  "summary_bg_p95": 2157.564208984374,
  "summary_bg_stdv": 1430.32470703125,
  "summary_fg_k": 0.897001386940687,
  "summary_fg_mad": 3894.5194879519754,
  "summary_fg_mean": 25376.025390625,
  "summary_fg_median": 25062.859375,
  "summary_fg_n": 30060.0,
  "summary_fg_p05": 19198.56865234375,
  "summary_fg_p95": 32627.265429687497,
  "summary_fg_stdv": 4156.7265625,
  "tsnr": 107.00204467773438
}