{
  "aor": 0.0026305925925925932,
  "aqi": 0.0026762043703703704,
  "bids_meta": {
    "AcquisitionNumber": 8,
    "BidsifyVersion": "0.3.5",
    "ConversionSoftware": "dcm2niix",
    "ConversionSoftwareVersion": "v1.0.20181125  GCC6.3.0",
    "EchoTime": 0.02763,
    "FlipAngle": 76.1,
    "ImageComments": "PIOP2",
    "ImageOrientationPatientDICOM": [
      0.999487,
      0.0317545,
      0.00414892,
      -0.0300133,
      0.974013,
      -0.224496
    ],
    "Manufacturer": "Philips",
    "NumberOfVolumesDiscardedByScanner": 2,
    "ParallelAcquisitionTechnique": "SENSE",
    "ParallelReductionFactorInPlane": 2,
    "PatientPosition": "HFS",
    "PhaseEncodingDirection": "j",
    "PhilipsRescaleIntercept": 0,
    "PhilipsRescaleSlope": 0.77265,
    "PhilipsScaleSlope": 0.0592267,
    "ProtocolName": "WIPtask-harriri_boldSENSE",
    "PulseSequenceType": "gradient echo EPI",
    "ReconMatrixPE": 80,
    "RepetitionTime": 2,
    "SeriesDescription": "ImageMRSERIES",
    "SeriesNumber": 8,
    "SliceEncodingDirection": "k",
    "TaskName": "emomatching",
    "UsePhilipsFloatNotDisplayScaling": 1,
    "WaterFatShift": 12,
    "acq_id": "seq",
    "dataset": "ds002790",
    "modality": "bold",
    "subject_id": "0208",
    "task_id": "emomatching"
  },
  "dummy_trs": 0,
  "dvars_nstd": 19.280392724999995,
  "dvars_std": 1.306049188656716,
  "dvars_vstd": 1.0284903956716416,
  "efc": 0.402387598530927,
  "fber": 187146.40625,
  "fd_mean": 0.1364725909029619,
  "fd_num": 8,
  "fd_perc": 5.925925925925926,
  "fwhm_avg": 2.137989908565671,
  "fwhm_x": 2.1039133333333333,
  "fwhm_y": 2.3219533333333335,
  "fwhm_z": 1.988103059030346,
  "gcor": 0.0309,
  "gsr_x": -0.022609565407037735,
  "gsr_y": 0.011061959899961948,
  "provenance": {
    "md5sum": "4b7f8fd6bbddf4e78e71fb32620093c7",
    "settings": {
      "fd_thres": 0.2,
      "testing": false
    },
    "software": "mriqc",
    "version": "23.0.1",
    "webapi_port": null,
    "webapi_url": "https://mriqc.nimh.nih.gov/api/v1"
  },
  "size_t": 135,
  "size_x": 80,
  "size_y": 80,
  "size_z": 36,
  "snr": 6.014675180009408,
  "spacing_tr": 2.0,
  "spacing_x": 3.0,
  "spacing_y": 3.0,
  "spacing_z": 3.299999952316284,
  "summary_bg_k": 92.03746186300734,
  "summary_bg_mad": 61.04865492322403,
  "summary_bg_mean": 509.0487365722656,
  "summary_bg_median": 56.87168502807617,
  "summary_bg_n": 160262.0,
  "summary_bg_p05": 7.196097302436828,
  "summary_bg_p95": 2209.9514770507812,
  "summary_bg_stdv": 1446.429931640625,
  "summary_fg_k": 0.9897456298936804,
  "summary_fg_mad": 3911.304456232381,
  "summary_fg_mean": 25453.16015625,
  "summary_fg_median": 25130.015625,
  "summary_fg_n": 30071.0,
  "summary_fg_p05": 19282.0458984375,
  "summary_fg_p95": 32793.72265625,
  "summary_fg_stdv": 4178.04736328125,
  "tsnr": 112.9106674194336
}