{
  "aor": 0.0030376874999999996,
  "aqi": 0.0049784683125,
  "bids_meta": {
    "AcquisitionNumber": 3,
    "BidsifyVersion": "0.3.5",
    "ConversionSoftware": "dcm2niix",
    "ConversionSoftwareVersion": "v1.0.20181125  GCC6.3.0",
    "EchoTime": 0.02763,
    "FlipAngle": 76.1,
    "ImageComments": "PIOP2",
    "ImageOrientationPatientDICOM": [
      0.99761,
      0.0689768,
      -0.00407421,
      -0.0688849,
      0.997433,
      0.0195245
    ],
    "Manufacturer": "Philips",
    "NumberOfVolumesDiscardedByScanner": 2,
    "ParallelAcquisitionTechnique": "SENSE",
    "ParallelReductionFactorInPlane": 2,
    "PatientPosition": "HFS",
    "PhaseEncodingDirection": "j",
    "PhilipsRescaleIntercept": 0,
    "PhilipsRescaleSlope": 0.76166,
    "PhilipsScaleSlope": 0.0532814,
    "ProtocolName": "WIPtask-wm_boldSENSE",
    "PulseSequenceType": "gradient echo EPI",
    "ReconMatrixPE": 80,
    "RepetitionTime": 2,
    "SeriesDescription": "ImageMRSERIES",
    "SeriesNumber": 3,
    "SliceEncodingDirection": "k",
    "TaskName": "workingmemory",
    "UsePhilipsFloatNotDisplayScaling": 1,
    "WaterFatShift": 12,
    "acq_id": "seq",
    "dataset": "ds002790",
    "modality": "bold",
    "subject_id": "0223",
    "task_id": "workingmemory"
  },
  "dummy_trs": 0,
  "dvars_nstd": 22.408918837044023,
  "dvars_std": 1.2949700613836481,
  "dvars_vstd": 0.9779956937735851,
  "efc": 0.41165333767483026,
  "fber": 259315.53125,
  "fd_mean": 0.13333297818935583,
  "fd_num": 21,
  "fd_perc": 13.125,
  "fwhm_avg": 1.9919985946017682,
  "fwhm_x": 1.9533866666666666,
  "fwhm_y": 2.2073666666666667,
  "fwhm_z": 1.8152424504719713,
  "gcor": 0.0382141,
  "gsr_x": -0.017402997240424156,
  "gsr_y": 0.01033448800444603,
  "provenance": {
    "md5sum": "4de36038d047517a1bfd8b85d9f3f197",
    "settings": {
      "fd_thres": 0.2,
      "testing": false
    },
    "software": "mriqc",
    "version": "23.0.1",
    "webapi_port": null,
    "webapi_url": "https://mriqc.nimh.nih.gov/api/v1"
  },
  "size_t": 160,
  "size_x": 80,
  "size_y": 80,
  "size_z": 36,
  "snr": 5.430836435541408,
  "spacing_tr": 2.0,
  "spacing_x": 3.0,
  "spacing_y": 3.0,
  "spacing_z": 3.299999952316284,
  "summary_bg_k": 79.5430826879884,
  "summary_bg_mad": 56.61332328084301,
  "summary_bg_mean": 590.6661987304688,
  "summary_bg_median": 51.695823669433594,
  "summary_bg_n": 158706.0,
  "summary_bg_p05": 4.47138524055481,
  "summary_bg_p95": 2984.6390991210938,
  "summary_bg_stdv": 1734.8961181640625,
  "summary_fg_k": 1.5821136317162132,
  "summary_fg_mad": 4695.5431156726845,
  "summary_fg_mean": 27098.857421875,
  "summary_fg_median": 26665.498046875,
  "summary_fg_n": 31949.0,
  "summary_fg_p05": 19996.916015625,
  "summary_fg_p95": 34998.053906249996,
  "summary_fg_stdv": 4909.93994140625,
  "tsnr": 78.56647491455078
}