{
  "aor": 0.0013779166666666666,
  "aqi": 0.004025087958333334,
  "bids_meta": {
    "AcquisitionNumber": 4,
    "BidsifyVersion": "0.3.5",
    "ConversionSoftware": "dcm2niix",
    "ConversionSoftwareVersion": "v1.0.20181125  GCC6.3.0",
    "EchoTime": 0.02763,
    "FlipAngle": 76.1,
    "ImageComments": "PIOP2",
    "ImageOrientationPatientDICOM": [
      0.99761,
      0.0689768,
      -0.00407421,
      -0.0688849,
      0.997433,
      0.0195245
    ],
    "Manufacturer": "Philips",
    "NumberOfVolumesDiscardedByScanner": 2,
    "ParallelAcquisitionTechnique": "SENSE",
    "ParallelReductionFactorInPlane": 2,
    "PatientPosition": "HFS",
    "PhaseEncodingDirection": "j",
    "PhilipsRescaleIntercept": 0,
    "PhilipsRescaleSlope": 0.74359,
    "PhilipsScaleSlope": 0.0543126,
    "ProtocolName": "WIPtask-rest_boldSENSE",
    "PulseSequenceType": "gradient echo EPI",
    "ReconMatrixPE": 80,
    "RepetitionTime": 2,
    "SeriesDescription": "ImageMRSERIES",
    "SeriesNumber": 4,
    "SliceEncodingDirection": "k",
    "TaskName": "restingstate",
    "UsePhilipsFloatNotDisplayScaling": 1,
    "WaterFatShift": 12,
    "acq_id": "seq",
    "dataset": "ds002790",
    "modality": "bold",
    "subject_id": "0223",
    "task_id": "restingstate"
  },
  "dummy_trs": 0,
  "dvars_nstd": 23.64748674652721,
  "dvars_std": 1.2848473653138082,
  "dvars_vstd": 0.9964845065271976,
  "efc": 0.4124013919068999,
  "fber": 257335.390625,
  "fd_mean": 0.18598408258107516,
  "fd_num": 85,
  "fd_perc": 35.416666666666664,
  "fwhm_avg": 1.988843443090251,
  "fwhm_x": 1.9439566666666668,
  "fwhm_y": 2.2065766666666664,
  "fwhm_z": 1.8159969959374196,
  "gcor": 0.0429732,
  "gsr_x": -0.017346663400530815,
  "gsr_y": 0.010761384852230549,
  "provenance": {
    "md5sum": "784aeb554215621a2cd567ab3a790602",
    "settings": {
      "fd_thres": 0.2,
      "testing": false
    },
    "software": "mriqc",
    "version": "23.0.1",
    "webapi_port": null,
    "webapi_url": "https://mriqc.nimh.nih.gov/api/v1"
  },
  "size_t": 240,
  "size_x": 80,
  "size_y": 80,
  "size_z": 36,
  "snr": 5.470998721483101,
  "spacing_tr": 2.0,
  "spacing_x": 3.0,
  "spacing_y": 3.0,
  "spacing_z": 3.299999952316284,
  "summary_bg_k": 78.3215417688987,
  "summary_bg_mad": 55.15134732229717,
  "summary_bg_mean": 595.7833862304688,
  "summary_bg_median": 51.60969924926758,
  "summary_bg_n": 158634.0,
  "summary_bg_p05": 5.156668591499328,
  "summary_bg_p95": 3039.1312500000004,
  "summary_bg_stdv": 1748.5020751953125,
  "summary_fg_k": 1.5233765179682388,
  "summary_fg_mad": 4623.347337329361,
  "summary_fg_mean": 26997.052734375,
  "summary_fg_median": 26578.03125,
  "summary_fg_n": 31919.0,
  "summary_fg_p05": 19889.2537109375,
  "summary_fg_p95": 34797.407812499994,
  "summary_fg_stdv": 4857.9091796875,
  "tsnr": 81.92835235595703
}