{
  "aor": 0.0021429870129870132,
  "aqi": 0.004306467705627705,
  "bids_meta": {
    "AcquisitionNumber": 7,
    "BidsifyVersion": "0.3.5",
    "ConversionSoftware": "dcm2niix",
    "ConversionSoftwareVersion": "v1.0.20181125  GCC6.3.0",
    "EchoTime": 0.02763,
    "FlipAngle": 76.1,
    "ImageComments": "PIOP2",
    "ImageOrientationPatientDICOM": [
      0.99761,
      0.0689768,
      -0.00407421,
      -0.0688849,
      0.997433,
      0.0195245
    ],
    "Manufacturer": "Philips",
    "NumberOfVolumesDiscardedByScanner": 2,
    "ParallelAcquisitionTechnique": "SENSE",
    "ParallelReductionFactorInPlane": 2,
    "PatientPosition": "HFS",
    "PhaseEncodingDirection": "j",
    "PhilipsRescaleIntercept": 0,
    "PhilipsRescaleSlope": 0.75238,
    "PhilipsScaleSlope": 0.0548018,
    "ProtocolName": "WIPtask-stop_boldSENSE",
    "PulseSequenceType": "gradient echo EPI",
    "ReconMatrixPE": 80,
    "RepetitionTime": 2,
    "SeriesDescription": "ImageMRSERIES",
    "SeriesNumber": 7,
    "SliceEncodingDirection": "k",
    "TaskName": "stopsignal",
    "UsePhilipsFloatNotDisplayScaling": 1,
    "WaterFatShift": 12,
    "acq_id": "seq",
    "dataset": "ds002790",
    "modality": "bold",
    "subject_id": "0223",
    "task_id": "stopsignal"
  },
  "dummy_trs": 0,
  "dvars_nstd": 23.08145626713044,
  "dvars_std": 1.2789869338695656,
  "dvars_vstd": 1.013419613,
  "efc": 0.4131386537265906,
  "fber": 251986.21875,
  "fd_mean": 0.1969017419748384,
  "fd_num": 90,
  "fd_perc": 38.96103896103896,
  "fwhm_avg": 1.9835799076994969,
  "fwhm_x": 1.94669,
  "fwhm_y": 2.19578,
  "fwhm_z": 1.8082697230984908,
  "gcor": 0.0379958,
  "gsr_x": -0.017649458721280098,
  "gsr_y": 0.01103098876774311,
  "provenance": {
    "md5sum": "89b9a8bd844c1082d41ce1484baebab5",
    "settings": {
      "fd_thres": 0.2,
      "testing": false
    },
    "software": "mriqc",
    "version": "23.0.1",
    "webapi_port": null,
    "webapi_url": "https://mriqc.nimh.nih.gov/api/v1"
  },
  "size_t": 231,
  "size_x": 80,
  "size_y": 80,
  "size_z": 36,
  "snr": 5.498167224144421,
  "spacing_tr": 2.0,
  "spacing_x": 3.0,
  "spacing_y": 3.0,
  "spacing_z": 3.299999952316284,
  "summary_bg_k": 78.7662280541667,
  "summary_bg_mad": 56.43971727660881,
  "summary_bg_mean": 597.6708984375,
  "summary_bg_median": 51.58015060424805,
  "summary_bg_n": 158646.0,
  "summary_bg_p05": 4.259251594543457,
  "summary_bg_p95": 3069.5704956054688,
  "summary_bg_stdv": 1748.8289794921875,
  "summary_fg_k": 1.5743108565790402,
  "summary_fg_mad": 4550.694037207671,
  "summary_fg_mean": 26694.40625,
  "summary_fg_median": 26265.65234375,
  "summary_fg_n": 31965.0,
  "summary_fg_p05": 19753.097265625,
  "summary_fg_p95": 34358.2859375,
  "summary_fg_stdv": 4777.09033203125,
  "tsnr": 80.62476348876953
}