{
  "bids_meta": {
    "AcquisitionNumber": 2,
    "BidsifyVersion": "0.3.5",
    "ConversionSoftware": "dcm2niix",
    "ConversionSoftwareVersion": "v1.0.20181125  GCC6.3.0",
    "EchoTime": 0.00375,
    "ImageComments": "PIOP2",
    "ImageOrientationPatientDICOM": [
      0.999659,
      0.00791047,
      0.0248949,
      -0.00575768,
      0.996331,
      -0.0853878
    ],
    "Manufacturer": "Philips",
    "NumberSignalAcquisitions": 2,
    "PatientPosition": "HFS",
    "PhilipsRescaleIntercept": 0,
    "PhilipsRescaleSlope": 9.53089,
    "PhilipsScaleSlope": 0.0072619,
    "ProtocolName": "WIPT1anat_acq-6m_T1wSENSE",
    "ReconMatrixPE": 240,
    "RepetitionTime": 0.008193,
    "SeriesDescription": "ImageMRSERIES",
    "SeriesNumber": 2,
    "UsePhilipsFloatNotDisplayScaling": 1,
    "dataset": "ds002790",
    "modality": "T1w",
    "subject_id": "0159"
  },
  "cjv": 0.2566335012274509,
  "cnr": 4.778591106590027,
  "efc": 0.7703989645893304,
  "fber": 1551.923583984375,
  "fwhm_avg": 4.519276666666667,
  "fwhm_x": 4.24605,
  "fwhm_y": 4.59388,
  "fwhm_z": 4.7179,
  "icvs_csf": 0.23384397438380083,
  "icvs_gm": 0.4179574124113567,
  "icvs_wm": 0.34819861320484247,
  "inu_med": 1.7313780784606934,
  "inu_range": 0.3811532199382781,
  "provenance": {
    "md5sum": "a77c5bec553b49bfd04907b61936b25a",
    "settings": {
      "testing": false
    },
    "software": "mriqc",
    "version": "22.0.0rc1",
    "warnings": {
      "large_rot_frame": true,
      "small_air_mask": true
    },
    "webapi_port": null,
    "webapi_url": "https://mriqc.nimh.nih.gov/api/v1"
  },
  "qi_1": 2.1007772875964105e-05,
  "qi_2": 0.00012290978966696296,
  "rpve_csf": 21.370263807782568,
  "rpve_gm": 12.496339608815454,
  "rpve_wm": 19.041038980679797,
  "size_x": 240,
  "size_y": 240,
  "size_z": 220,
  "snr_csf": 1.9590273929231121,
  "snr_gm": 8.690765749480065,
  "snr_total": 12.012763911795174,
  "snr_wm": 25.388498592982344,
  "snrd_csf": 18.515725155832474,
  "snrd_gm": 48.393559517268336,
  "snrd_total": 48.62455092645274,
  "snrd_wm": 78.96436810625742,
  "spacing_x": 1.0,
  "spacing_y": 1.0,
  "spacing_z": 1.0,
  "summary_bg_k": 3.393658981859298,
  "summary_bg_mad": 8.296625336161071,
  "summary_bg_mean": 9.136947631835938,
  "summary_bg_median": 5.8882622718811035,
  "summary_bg_n": 159721.0,
  "summary_bg_p05": 0.0,
  "summary_bg_p95": 17.959741592407227,
  "summary_bg_stdv": 6.303796291351318,
  "summary_csf_k": 45.82764406983256,
  "summary_csf_mad": 114.53016171640616,
  "summary_csf_mean": 243.6231231689453,
  "summary_csf_median": 234.48252868652344,
  "summary_csf_n": 13245.0,
  "summary_csf_p05": 96.48878631591798,
  "summary_csf_p95": 398.9501281738281,
  "summary_csf_stdv": 119.6888198852539,
  "summary_gm_k": 0.8410306596748383,
  "summary_gm_mad": 64.21095551869492,
  "summary_gm_mean": 619.8587036132812,
  "summary_gm_median": 612.8544311523438,
  "summary_gm_n": 34645.0,
  "summary_gm_p05": 517.0478515625,
  "summary_gm_p95": 749.2820922851562,
  "summary_gm_stdv": 70.5168685913086,
  "summary_wm_k": 1.0586249568076802,
  "summary_wm_mad": 35.14411552767686,
  "summary_wm_mean": 997.7584838867188,
  "summary_wm_median": 1000.0021362304688,
  "summary_wm_n": 230544.0,
  "summary_wm_p05": 928.1528869628906,
  "summary_wm_p95": 1057.8524353027342,
  "summary_wm_stdv": 39.38791275024414,
  "tpm_overlap_csf": 0.16634638607501984,
  "tpm_overlap_gm": 0.44954872131347656,
  "tpm_overlap_wm": 0.48903170228004456,
  "wm2max": 0.7472086402004355
}