{
  "aor": 0.009413041666666667,
  "aqi": 0.004335673125,
  "bids_meta": {
    "AcquisitionNumber": 4,
    "BidsifyVersion": "0.3.5",
    "ConversionSoftware": "dcm2niix",
    "ConversionSoftwareVersion": "v1.0.20181125  GCC6.3.0",
    "EchoTime": 0.02763,
    "FlipAngle": 76.1,
    "ImageComments": "PIOP2",
    "ImageOrientationPatientDICOM": [
      0.997434,
      -0.0511743,
      -0.0500583,
      0.0480847,
      0.996973,
      -0.0610908
    ],
    "Manufacturer": "Philips",
    "NumberOfVolumesDiscardedByScanner": 2,
    "ParallelAcquisitionTechnique": "SENSE",
    "ParallelReductionFactorInPlane": 2,
    "PatientPosition": "HFS",
    "PhaseEncodingDirection": "j",
    "PhilipsRescaleIntercept": 0,
    "PhilipsRescaleSlope": 0.76386,
    "PhilipsScaleSlope": 0.05402,
    "ProtocolName": "WIPtask-rest_boldSENSE",
    "PulseSequenceType": "gradient echo EPI",
    "ReconMatrixPE": 80,
    "RepetitionTime": 2,
    "SeriesDescription": "ImageMRSERIES",
    "SeriesNumber": 4,
    "SliceEncodingDirection": "k",
    "TaskName": "restingstate",
    "UsePhilipsFloatNotDisplayScaling": 1,
    "WaterFatShift": 12,
    "acq_id": "seq",
    "dataset": "ds002790",
    "modality": "bold",
    "subject_id": "0220",
    "task_id": "restingstate"
  },
  "dummy_trs": 0,
  "dvars_nstd": 21.286934114435155,
  "dvars_std": 1.4426682981589953,
  "dvars_vstd": 1.106292626150628,
  "efc": 0.42066537274300025,
  "fber": 245746.9375,
  "fd_mean": 0.14090159560316076,
  "fd_num": 33,
  "fd_perc": 13.75,
  "fwhm_avg": 2.1978691967786035,
  "fwhm_x": 2.1343031637141574,
  "fwhm_y": 2.4033166666666665,
  "fwhm_z": 2.0559877599549865,
  "gcor": 0.0608174,
  "gsr_x": -0.023864280432462692,
  "gsr_y": 0.015829723328351974,
  "provenance": {
    "md5sum": "b06beb093e9439b8ec30db02f25a4829",
    "settings": {
      "fd_thres": 0.2,
      "testing": false
    },
    "software": "mriqc",
    "version": "23.0.1",
    "webapi_port": null,
    "webapi_url": "https://mriqc.nimh.nih.gov/api/v1"
  },
  "size_t": 240,
  "size_x": 80,
  "size_y": 80,
  "size_z": 36,
  "snr": 5.011994708830263,
  "spacing_tr": 2.0,
  "spacing_x": 3.000000238418579,
  "spacing_y": 3.0,
  "spacing_z": 3.3000001907348633,
  "summary_bg_k": 143.44953271094852,
  "summary_bg_mad": 48.70949118810048,
  "summary_bg_mean": 402.5284118652344,
  "summary_bg_median": 48.413780212402344,
  "summary_bg_n": 153864.0,
  "summary_bg_p05": 3.668406617641449,
  "summary_bg_p95": 1714.15424194336,
  "summary_bg_stdv": 1444.7911376953125,
  "summary_fg_k": 1.5738103554680132,
  "summary_fg_mad": 4487.298313829266,
  "summary_fg_mean": 25352.615234375,
  "summary_fg_median": 24755.96875,
  "summary_fg_n": 35964.0,
  "summary_fg_p05": 18528.965625,
  "summary_fg_p95": 34045.2537109375,
  "summary_fg_stdv": 4939.27587890625,
  "tsnr": 89.10037231445312
}