{
  "aor": 0.00645074074074074,
  "aqi": 0.0030139721481481484,
  "bids_meta": {
    "AcquisitionNumber": 8,
    "BidsifyVersion": "0.3.5",
    "ConversionSoftware": "dcm2niix",
    "ConversionSoftwareVersion": "v1.0.20181125  GCC6.3.0",
    "EchoTime": 0.02763,
    "FlipAngle": 76.1,
    "ImageComments": "PIOP2",
    "ImageOrientationPatientDICOM": [
      0.997434,
      -0.0511743,
      -0.0500583,
      0.0480847,
      0.996973,
      -0.0610908
    ],
    "Manufacturer": "Philips",
    "NumberOfVolumesDiscardedByScanner": 2,
    "ParallelAcquisitionTechnique": "SENSE",
    "ParallelReductionFactorInPlane": 2,
    "PatientPosition": "HFS",
    "PhaseEncodingDirection": "j",
    "PhilipsRescaleIntercept": 0,
    "PhilipsRescaleSlope": 0.78974,
    "PhilipsScaleSlope": 0.0531779,
    "ProtocolName": "WIPtask-harriri_boldSENSE",
    "PulseSequenceType": "gradient echo EPI",
    "ReconMatrixPE": 80,
    "RepetitionTime": 2,
    "SeriesDescription": "ImageMRSERIES",
    "SeriesNumber": 8,
    "SliceEncodingDirection": "k",
    "TaskName": "emomatching",
    "UsePhilipsFloatNotDisplayScaling": 1,
    "WaterFatShift": 12,
    "acq_id": "seq",
    "dataset": "ds002790",
    "modality": "bold",
    "subject_id": "0220",
    "task_id": "emomatching"
  },
  "dummy_trs": 0,
  "dvars_nstd": 19.60167849246268,
  "dvars_std": 1.3949549677611939,
  "dvars_vstd": 1.0725419182835825,
  "efc": 0.42151789093611225,
  "fber": 238535.609375,
  "fd_mean": 0.11141291593415582,
  "fd_num": 7,
  "fd_perc": 5.185185185185185,
  "fwhm_avg": 2.2039032367722746,
  "fwhm_x": 2.142173163088706,
  "fwhm_y": 2.40307,
  "fwhm_z": 2.066466547228117,
  "gcor": 0.069491,
  "gsr_x": -0.02378462441265583,
  "gsr_y": 0.01467166468501091,
  "provenance": {
    "md5sum": "47da4036a23c5b6bc197f86e8fe2e281",
    "settings": {
      "fd_thres": 0.2,
      "testing": false
    },
    "software": "mriqc",
    "version": "23.0.1",
    "webapi_port": null,
    "webapi_url": "https://mriqc.nimh.nih.gov/api/v1"
  },
  "size_t": 135,
  "size_x": 80,
  "size_y": 80,
  "size_z": 36,
  "snr": 5.027171624381939,
  "spacing_tr": 2.0,
  "spacing_x": 3.000000238418579,
  "spacing_y": 3.0,
  "spacing_z": 3.3000001907348633,
  "summary_bg_k": 119.29799083277587,
  "summary_bg_mad": 51.01743648636531,
  "summary_bg_mean": 414.69744873046875,
  "summary_bg_median": 49.6705322265625,
  "summary_bg_n": 153838.0,
  "summary_bg_p05": 4.161594009399415,
  "summary_bg_p95": 1786.960937499998,
  "summary_bg_stdv": 1438.78955078125,
  "summary_fg_k": 1.499343187054099,
  "summary_fg_mad": 4548.937790634382,
  "summary_fg_mean": 25625.93359375,
  "summary_fg_median": 25028.96875,
  "summary_fg_n": 35966.0,
  "summary_fg_p05": 18769.32421875,
  "summary_fg_p95": 34420.185546875,
  "summary_fg_stdv": 4978.66845703125,
  "tsnr": 99.14804077148438
}