{
  "aor": 0.00316825,
  "aqi": 0.009555330666666665,
  "bids_meta": {
    "AcquisitionNumber": 4,
    "BidsifyVersion": "0.3.5",
    "ConversionSoftware": "dcm2niix",
    "ConversionSoftwareVersion": "v1.0.20181125  GCC6.3.0",
    "EchoTime": 0.02763,
    "EffectiveEchoSpacing": 0.0006909035636805814,
    "FlipAngle": 76.1,
    "ImageComments": "PIOP2",
    "ImageOrientationPatientDICOM": [
      0.999249,
      0.0299949,
      -0.0245191,
      -0.0338469,
      0.983837,
      -0.17584
    ],
    "Manufacturer": "Philips",
    "NumberOfVolumesDiscardedByScanner": 2,
    "ParallelAcquisitionTechnique": "SENSE",
    "ParallelReductionFactorInPlane": 2,
    "PatientPosition": "HFS",
    "PhaseEncodingDirection": "j",
    "PhilipsRescaleIntercept": 0,
    "PhilipsRescaleSlope": 0.78877,
    "PhilipsScaleSlope": 0.0495188,
    "ProtocolName": "WIPtask-rest_boldSENSE",
    "PulseSequenceType": "gradient echo EPI",
    "ReconMatrixPE": 80,
    "RepetitionTime": 2,
    "SeriesDescription": "ImageMRSERIES",
    "SeriesNumber": 4,
    "SliceEncodingDirection": "k",
    "SliceTiming": [
      0.0,
      0.0556,
      0.1111,
      0.1667,
      0.2222,
      0.2778,
      0.3333,
      0.3889,
      0.4444,
      0.5,
      0.5556,
      0.6111,
      0.6667,
      0.7222,
      0.7778,
      0.8333,
      0.8889,
      0.9444,
      1.0,
      1.0556,
      1.1111,
      1.1667,
      1.2222,
      1.2778,
      1.3333,
      1.3889,
      1.4444,
      1.5,
      1.5556,
      1.6111,
      1.6667,
      1.7222,
      1.7778,
      1.8333,
      1.8889,
      1.9444
    ],
    "TaskName": "restingstate",
    "TotalReadoutTime": 0.026945238983542674,
    "UsePhilipsFloatNotDisplayScaling": 1,
    "WaterFatShift": 12,
    "acq_id": "seq",
    "dataset": "ds002790",
    "modality": "bold",
    "subject_id": "0077",
    "task_id": "restingstate"
  },
  "dummy_trs": 0,
  "dvars_nstd": 22.284042884979076,
  "dvars_std": 1.2179822785355643,
  "dvars_vstd": 0.9760530092050211,
  "efc": 0.38423381348397095,
  "fber": 276353.96875,
  "fd_mean": 0.18516904605419846,
  "fd_num": 78,
  "fd_perc": 32.5,
  "fwhm_avg": 2.0571744535815757,
  "fwhm_x": 2.020086666666667,
  "fwhm_y": 2.2544033333333333,
  "fwhm_z": 1.8970333607447272,
  "gcor": 0.0280655,
  "gsr_x": -0.024089833721518517,
  "gsr_y": 0.00886571779847145,
  "provenance": {
    "md5sum": "76ba563f670d0f82ad7f3338f95e69df",
    "settings": {
      "fd_thres": 0.2,
      "testing": false
    },
    "software": "mriqc",
    "version": "22.0.0rc1",
    "webapi_port": null,
    "webapi_url": "https://mriqc.nimh.nih.gov/api/v1"
  },
  "size_t": 240,
  "size_x": 80,
  "size_y": 80,
  "size_z": 36,
  "snr": 5.519744870831274,
  "spacing_tr": 2.0,
  "spacing_x": 3.0,
  "spacing_y": 3.0,
  "spacing_z": 3.299999952316284,
  "summary_bg_k": 52.74118417615056,
  "summary_bg_mad": 53.69904822988544,
  "summary_bg_mean": 487.3366394042969,
  "summary_bg_median": 52.538719177246094,
  "summary_bg_n": 162528.0,
  "summary_bg_p05": 6.229116582870484,
  "summary_bg_p95": 2169.3888793945307,
  "summary_bg_stdv": 1587.5885009765625,
  "summary_fg_k": 1.5124485951419189,
  "summary_fg_mad": 4682.822272809608,
  "summary_fg_mean": 28865.9921875,
  "summary_fg_median": 28278.75,
  "summary_fg_n": 28353.0,
  "summary_fg_p05": 21663.24375,
  "summary_fg_p95": 37960.18046875,
  "summary_fg_stdv": 5123.1083984375,
  "tsnr": 60.094871520996094
}