{
  "aor": 0.002999851851851852,
  "aqi": 0.0029381234074074077,
  "bids_meta": {
    "AcquisitionNumber": 8,
    "BidsifyVersion": "0.3.5",
    "ConversionSoftware": "dcm2niix",
    "ConversionSoftwareVersion": "v1.0.20181125  GCC6.3.0",
    "EchoTime": 0.02763,
    "EffectiveEchoSpacing": 0.0006909035636805814,
    "FlipAngle": 76.1,
    "ImageComments": "PIOP2",
    "ImageOrientationPatientDICOM": [
      0.999249,
      0.0299949,
      -0.0245191,
      -0.0338469,
      0.983837,
      -0.17584
    ],
    "Manufacturer": "Philips",
    "NumberOfVolumesDiscardedByScanner": 2,
    "ParallelAcquisitionTechnique": "SENSE",
    "ParallelReductionFactorInPlane": 2,
    "PatientPosition": "HFS",
    "PhaseEncodingDirection": "j",
    "PhilipsRescaleIntercept": 0,
    "PhilipsRescaleSlope": 0.77338,
    "PhilipsScaleSlope": 0.0497119,
    "ProtocolName": "WIPtask-harriri_boldSENSE",
    "PulseSequenceType": "gradient echo EPI",
    "ReconMatrixPE": 80,
    "RepetitionTime": 2,
    "SeriesDescription": "ImageMRSERIES",
    "SeriesNumber": 8,
    "SliceEncodingDirection": "k",
    "SliceTiming": [
      0.0,
      0.0556,
      0.1111,
      0.1667,
      0.2222,
      0.2778,
      0.3333,
      0.3889,
      0.4444,
      0.5,
      0.5556,
      0.6111,
      0.6667,
      0.7222,
      0.7778,
      0.8333,
      0.8889,
      0.9444,
      1.0,
      1.0556,
      1.1111,
      1.1667,
      1.2222,
      1.2778,
      1.3333,
      1.3889,
      1.4444,
      1.5,
      1.5556,
      1.6111,
      1.6667,
      1.7222,
      1.7778,
      1.8333,
      1.8889,
      1.9444
    ],
    "TaskName": "emomatching",
    "TotalReadoutTime": 0.026945238983542674,
    "UsePhilipsFloatNotDisplayScaling": 1,
    "WaterFatShift": 12,
    "acq_id": "seq",
    "dataset": "ds002790",
    "modality": "bold",
    "subject_id": "0077",
    "task_id": "emomatching"
  },
  "dummy_trs": 0,
  "dvars_nstd": 20.923998057164187,
  "dvars_std": 1.3361456959701505,
  "dvars_vstd": 1.0288202541791047,
  "efc": 0.3844560053632542,
  "fber": 273131.71875,
  "fd_mean": 0.1334457174164624,
  "fd_num": 18,
  "fd_perc": 13.333333333333334,
  "fwhm_avg": 2.0665462720404033,
  "fwhm_x": 1.9911899999999998,
  "fwhm_y": 2.253903333333333,
  "fwhm_z": 1.9545454827878763,
  "gcor": 0.0398359,
  "gsr_x": -0.023856962099671364,
  "gsr_y": 0.008697285316884518,
  "provenance": {
    "md5sum": "65335309312127e2b33b43322e073334",
    "settings": {
      "fd_thres": 0.2,
      "testing": false
    },
    "software": "mriqc",
    "version": "22.0.0rc1",
    "webapi_port": null,
    "webapi_url": "https://mriqc.nimh.nih.gov/api/v1"
  },
  "size_t": 135,
  "size_x": 80,
  "size_y": 80,
  "size_z": 36,
  "snr": 5.416849129489298,
  "spacing_tr": 2.0,
  "spacing_x": 3.0,
  "spacing_y": 3.0,
  "spacing_z": 3.299999952316284,
  "summary_bg_k": 54.7173484906725,
  "summary_bg_mad": 51.0500471293398,
  "summary_bg_mean": 472.4421081542969,
  "summary_bg_median": 52.0236930847168,
  "summary_bg_n": 162385.0,
  "summary_bg_p05": 6.496924114227295,
  "summary_bg_p95": 2108.3291503906194,
  "summary_bg_stdv": 1549.9517822265625,
  "summary_fg_k": 1.5558889318761011,
  "summary_fg_mad": 4742.68523308923,
  "summary_fg_mean": 28465.978515625,
  "summary_fg_median": 27858.6796875,
  "summary_fg_n": 28515.0,
  "summary_fg_p05": 21234.4728515625,
  "summary_fg_p95": 37381.822265625,
  "summary_fg_stdv": 5142.87744140625,
  "tsnr": 95.41815185546875
}