{
  "aor": 0.0051011875,
  "aqi": 0.004607186875,
  "bids_meta": {
    "AcquisitionNumber": 3,
    "BidsifyVersion": "0.3.5",
    "ConversionSoftware": "dcm2niix",
    "ConversionSoftwareVersion": "v1.0.20181125  GCC6.3.0",
    "EchoTime": 0.02763,
    "EffectiveEchoSpacing": 0.0006909035636805814,
    "FlipAngle": 76.1,
    "ImageComments": "PIOP2",
    "ImageOrientationPatientDICOM": [
      0.995366,
      0.0958353,
      -0.00794,
      -0.0954921,
      0.9753,
      -0.199178
    ],
    "Manufacturer": "Philips",
    "NumberOfVolumesDiscardedByScanner": 2,
    "ParallelAcquisitionTechnique": "SENSE",
    "ParallelReductionFactorInPlane": 2,
    "PatientPosition": "HFS",
    "PhaseEncodingDirection": "j",
    "PhilipsRescaleIntercept": 0,
    "PhilipsRescaleSlope": 0.75556,
    "PhilipsScaleSlope": 0.0536081,
    "ProtocolName": "WIPtask-wm_boldSENSE",
    "PulseSequenceType": "gradient echo EPI",
    "ReconMatrixPE": 80,
    "RepetitionTime": 2,
    "SeriesDescription": "ImageMRSERIES",
    "SeriesNumber": 3,
    "SliceEncodingDirection": "k",
    "SliceTiming": [
      0.0,
      0.0556,
      0.1111,
      0.1667,
      0.2222,
      0.2778,
      0.3333,
      0.3889,
      0.4444,
      0.5,
      0.5556,
      0.6111,
      0.6667,
      0.7222,
      0.7778,
      0.8333,
      0.8889,
      0.9444,
      1.0,
      1.0556,
      1.1111,
      1.1667,
      1.2222,
      1.2778,
      1.3333,
      1.3889,
      1.4444,
      1.5,
      1.5556,
      1.6111,
      1.6667,
      1.7222,
      1.7778,
      1.8333,
      1.8889,
      1.9444
    ],
    "TaskName": "workingmemory",
    "TotalReadoutTime": 0.026945238983542674,
    "UsePhilipsFloatNotDisplayScaling": 1,
    "WaterFatShift": 12,
    "acq_id": "seq",
    "dataset": "ds002790",
    "modality": "bold",
    "subject_id": "0010",
    "task_id": "workingmemory"
  },
  "dummy_trs": 0,
  "dvars_nstd": 15.140199444779874,
  "dvars_std": 1.1648114577987416,
  "dvars_vstd": 1.0215114376100627,
  "efc": 0.4257720374568718,
  "fber": 236418.328125,
  "fd_mean": 0.1035453891996416,
  "fd_num": 12,
  "fd_perc": 7.5,
  "fwhm_avg": 1.9211096046624947,
  "fwhm_x": 1.9073900000000001,
  "fwhm_y": 2.04906,
  "fwhm_z": 1.8068788139874836,
  "gcor": 0.0219019,
  "gsr_x": -0.011131894774734974,
  "gsr_y": 0.00924239307641983,
  "provenance": {
    "md5sum": "afecededefe4cf1d6b3802a7bf132161",
    "settings": {
      "fd_thres": 0.2,
      "testing": false
    },
    "software": "mriqc",
    "version": "22.0.0rc1",
    "webapi_port": null,
    "webapi_url": "https://mriqc.nimh.nih.gov/api/v1"
  },
  "size_t": 160,
  "size_x": 80,
  "size_y": 80,
  "size_z": 36,
  "snr": 5.602038204973626,
  "spacing_tr": 2.0,
  "spacing_x": 3.0,
  "spacing_y": 3.0,
  "spacing_z": 3.299999952316284,
  "summary_bg_k": 95.6928726813912,
  "summary_bg_mad": 59.72006602426231,
  "summary_bg_mean": 594.0068969726562,
  "summary_bg_median": 53.967193603515625,
  "summary_bg_n": 155464.0,
  "summary_bg_p05": 3.711597812175751,
  "summary_bg_p95": 3345.723596191408,
  "summary_bg_stdv": 1784.7430419921875,
  "summary_fg_k": 1.746218750498426,
  "summary_fg_mad": 4628.840494377222,
  "summary_fg_mean": 27063.560546875,
  "summary_fg_median": 26606.11328125,
  "summary_fg_n": 34854.0,
  "summary_fg_p05": 20602.5833984375,
  "summary_fg_p95": 34786.19316406249,
  "summary_fg_stdv": 4749.294921875,
  "tsnr": 89.5595474243164
}