{
  "aor": 0.004253333333333333,
  "aqi": 0.005968941203703703,
  "bids_meta": {
    "AcquisitionNumber": 6,
    "BidsifyVersion": "0.3.5",
    "ConversionSoftware": "dcm2niix",
    "ConversionSoftwareVersion": "v1.0.20181125  GCC6.3.0",
    "EchoTime": 0.02763,
    "EffectiveEchoSpacing": 0.0006909035636805814,
    "FlipAngle": 76.1,
    "ImageComments": "PIOP2",
    "ImageOrientationPatientDICOM": [
      0.995366,
      0.0958353,
      -0.00794,
      -0.0954921,
      0.9753,
      -0.199178
    ],
    "Manufacturer": "Philips",
    "NumberOfVolumesDiscardedByScanner": 2,
    "ParallelAcquisitionTechnique": "SENSE",
    "ParallelReductionFactorInPlane": 2,
    "PatientPosition": "HFS",
    "PhaseEncodingDirection": "j",
    "PhilipsRescaleIntercept": 0,
    "PhilipsRescaleSlope": 0.75775,
    "PhilipsScaleSlope": 0.0543698,
    "ProtocolName": "WIPtask-stop_boldSENSE",
    "PulseSequenceType": "gradient echo EPI",
    "ReconMatrixPE": 80,
    "RepetitionTime": 2,
    "SeriesDescription": "ImageMRSERIES",
    "SeriesNumber": 6,
    "SliceEncodingDirection": "k",
    "SliceTiming": [
      0.0,
      0.0556,
      0.1111,
      0.1667,
      0.2222,
      0.2778,
      0.3333,
      0.3889,
      0.4444,
      0.5,
      0.5556,
      0.6111,
      0.6667,
      0.7222,
      0.7778,
      0.8333,
      0.8889,
      0.9444,
      1.0,
      1.0556,
      1.1111,
      1.1667,
      1.2222,
      1.2778,
      1.3333,
      1.3889,
      1.4444,
      1.5,
      1.5556,
      1.6111,
      1.6667,
      1.7222,
      1.7778,
      1.8333,
      1.8889,
      1.9444
    ],
    "TaskName": "stopsignal",
    "TotalReadoutTime": 0.026945238983542674,
    "UsePhilipsFloatNotDisplayScaling": 1,
    "WaterFatShift": 12,
    "acq_id": "seq",
    "dataset": "ds002790",
    "modality": "bold",
    "subject_id": "0010",
    "task_id": "stopsignal"
  },
  "dummy_trs": 0,
  "dvars_nstd": 16.590659495674426,
  "dvars_std": 1.194083793162791,
  "dvars_vstd": 1.0209609074883728,
  "efc": 0.427055510681697,
  "fber": 216977.84375,
  "fd_mean": 0.12623494663746587,
  "fd_num": 26,
  "fd_perc": 12.037037037037036,
  "fwhm_avg": 1.8945409176601997,
  "fwhm_x": 1.8856733333333333,
  "fwhm_y": 2.0188099999999998,
  "fwhm_z": 1.779139419647266,
  "gcor": 0.0335482,
  "gsr_x": -0.011299528181552887,
  "gsr_y": 0.00978469755500555,
  "provenance": {
    "md5sum": "a00efff1113fae65f24e0ae645a4e92f",
    "settings": {
      "fd_thres": 0.2,
      "testing": false
    },
    "software": "mriqc",
    "version": "22.0.0rc1",
    "webapi_port": null,
    "webapi_url": "https://mriqc.nimh.nih.gov/api/v1"
  },
  "size_t": 216,
  "size_x": 80,
  "size_y": 80,
  "size_z": 36,
  "snr": 5.717148830721872,
  "spacing_tr": 2.0,
  "spacing_x": 3.0,
  "spacing_y": 3.0,
  "spacing_z": 3.299999952316284,
  "summary_bg_k": 102.6542641124419,
  "summary_bg_mad": 64.9703491438817,
  "summary_bg_mean": 614.0521240234375,
  "summary_bg_median": 56.373653411865234,
  "summary_bg_n": 155474.0,
  "summary_bg_p05": 3.2124415874481205,
  "summary_bg_p95": 3474.127490234377,
  "summary_bg_stdv": 1862.1058349609375,
  "summary_fg_k": 1.7328739909974908,
  "summary_fg_mad": 4568.237680842077,
  "summary_fg_mean": 26972.6484375,
  "summary_fg_median": 26556.6015625,
  "summary_fg_n": 34848.0,
  "summary_fg_p05": 20621.64375,
  "summary_fg_p95": 34524.93222656251,
  "summary_fg_stdv": 4645.01123046875,
  "tsnr": 80.08013153076172
}