{
  "aor": 0.0038330625000000005,
  "aqi": 0.0065561055625,
  "bids_meta": {
    "AcquisitionNumber": 3,
    "BidsifyVersion": "0.3.5",
    "ConversionSoftware": "dcm2niix",
    "ConversionSoftwareVersion": "v1.0.20181125  GCC6.3.0",
    "EchoTime": 0.02763,
    "EffectiveEchoSpacing": 0.0006909035636805814,
    "FlipAngle": 76.1,
    "ImageComments": "PIOP2",
    "ImageOrientationPatientDICOM": [
      0.99853,
      0.0158472,
      0.0518276,
      -0.0207419,
      0.995231,
      0.0953111
    ],
    "Manufacturer": "Philips",
    "NumberOfVolumesDiscardedByScanner": 2,
    "ParallelAcquisitionTechnique": "SENSE",
    "ParallelReductionFactorInPlane": 2,
    "PatientPosition": "HFS",
    "PhaseEncodingDirection": "j",
    "PhilipsRescaleIntercept": 0,
    "PhilipsRescaleSlope": 0.74505,
    "PhilipsScaleSlope": 0.0559501,
    "ProtocolName": "WIPtask-wm_boldSENSE",
    "PulseSequenceType": "gradient echo EPI",
    "ReconMatrixPE": 80,
    "RepetitionTime": 2,
    "SeriesDescription": "ImageMRSERIES",
    "SeriesNumber": 3,
    "SliceEncodingDirection": "k",
    "SliceTiming": [
      0.0,
      0.0556,
      0.1111,
      0.1667,
      0.2222,
      0.2778,
      0.3333,
      0.3889,
      0.4444,
      0.5,
      0.5556,
      0.6111,
      0.6667,
      0.7222,
      0.7778,
      0.8333,
      0.8889,
      0.9444,
      1.0,
      1.0556,
      1.1111,
      1.1667,
      1.2222,
      1.2778,
      1.3333,
      1.3889,
      1.4444,
      1.5,
      1.5556,
      1.6111,
      1.6667,
      1.7222,
      1.7778,
      1.8333,
      1.8889,
      1.9444
    ],
    "TaskName": "workingmemory",
    "TotalReadoutTime": 0.026945238983542674,
    "UsePhilipsFloatNotDisplayScaling": 1,
    "WaterFatShift": 12,
    "acq_id": "seq",
    "dataset": "ds002790",
    "modality": "bold",
    "subject_id": "0135",
    "task_id": "workingmemory"
  },
  "dummy_trs": 0,
  "dvars_nstd": 18.832121657421382,
  "dvars_std": 1.1722976527672957,
  "dvars_vstd": 0.994454662515723,
  "efc": 0.45128591820698183,
  "fber": 130343.1171875,
  "fd_mean": 0.13668418364856635,
  "fd_num": 10,
  "fd_perc": 6.25,
  "fwhm_avg": 2.0245762715839564,
  "fwhm_x": 1.9913133333333333,
  "fwhm_y": 2.222636666666667,
  "fwhm_z": 1.8597788147518681,
  "gcor": 0.0140337,
  "gsr_x": -0.016939517110586166,
  "gsr_y": 0.027094220742583275,
  "provenance": {
    "md5sum": "e8b85e68bf13cc0cce5d2371ee3c0e2c",
    "settings": {
      "fd_thres": 0.2,
      "testing": false
    },
    "software": "mriqc",
    "version": "22.0.0rc1",
    "webapi_port": null,
    "webapi_url": "https://mriqc.nimh.nih.gov/api/v1"
  },
  "size_t": 160,
  "size_x": 80,
  "size_y": 80,
  "size_z": 36,
  "snr": 5.6923145727183115,
  "spacing_tr": 2.0,
  "spacing_x": 3.0,
  "spacing_y": 3.0,
  "spacing_z": 3.299999952316284,
  "summary_bg_k": 36.44126750155828,
  "summary_bg_mad": 83.03027281585103,
  "summary_bg_mean": 872.0048217773438,
  "summary_bg_median": 69.69808197021484,
  "summary_bg_n": 153949.0,
  "summary_bg_p05": 9.190826225280762,
  "summary_bg_p95": 4662.890136718751,
  "summary_bg_stdv": 2069.658935546875,
  "summary_fg_k": 4.120676973289496,
  "summary_fg_mad": 3615.5137308106814,
  "summary_fg_mean": 25860.609375,
  "summary_fg_median": 25308.69921875,
  "summary_fg_n": 36260.0,
  "summary_fg_p05": 20147.18388671875,
  "summary_fg_p95": 33034.8076171875,
  "summary_fg_stdv": 4446.05615234375,
  "tsnr": 82.45723724365234
}