{
  "aor": 0.003230888888888889,
  "aqi": 0.0037721651851851854,
  "bids_meta": {
    "AcquisitionNumber": 8,
    "BidsifyVersion": "0.3.5",
    "ConversionSoftware": "dcm2niix",
    "ConversionSoftwareVersion": "v1.0.20181125  GCC6.3.0",
    "EchoTime": 0.02763,
    "EffectiveEchoSpacing": 0.0006909035636805814,
    "FlipAngle": 76.1,
    "ImageComments": "PIOP2",
    "ImageOrientationPatientDICOM": [
      0.99853,
      0.0158472,
      0.0518276,
      -0.0207419,
      0.995231,
      0.0953111
    ],
    "Manufacturer": "Philips",
    "NumberOfVolumesDiscardedByScanner": 2,
    "ParallelAcquisitionTechnique": "SENSE",
    "ParallelReductionFactorInPlane": 2,
    "PatientPosition": "HFS",
    "PhaseEncodingDirection": "j",
    "PhilipsRescaleIntercept": 0,
    "PhilipsRescaleSlope": 0.74432,
    "PhilipsScaleSlope": 0.0567192,
    "ProtocolName": "WIPtask-harriri_boldSENSE",
    "PulseSequenceType": "gradient echo EPI",
    "ReconMatrixPE": 80,
    "RepetitionTime": 2,
    "SeriesDescription": "ImageMRSERIES",
    "SeriesNumber": 8,
    "SliceEncodingDirection": "k",
    "SliceTiming": [
      0.0,
      0.0556,
      0.1111,
      0.1667,
      0.2222,
      0.2778,
      0.3333,
      0.3889,
      0.4444,
      0.5,
      0.5556,
      0.6111,
      0.6667,
      0.7222,
      0.7778,
      0.8333,
      0.8889,
      0.9444,
      1.0,
      1.0556,
      1.1111,
      1.1667,
      1.2222,
      1.2778,
      1.3333,
      1.3889,
      1.4444,
      1.5,
      1.5556,
      1.6111,
      1.6667,
      1.7222,
      1.7778,
      1.8333,
      1.8889,
      1.9444
    ],
    "TaskName": "emomatching",
    "TotalReadoutTime": 0.026945238983542674,
    "UsePhilipsFloatNotDisplayScaling": 1,
    "WaterFatShift": 12,
    "acq_id": "seq",
    "dataset": "ds002790",
    "modality": "bold",
    "subject_id": "0135",
    "task_id": "emomatching"
  },
  "dummy_trs": 0,
  "dvars_nstd": 17.643369517761197,
  "dvars_std": 1.2174351635074625,
  "dvars_vstd": 1.0330452855970147,
  "efc": 0.45268522449901966,
  "fber": 125624.2265625,
  "fd_mean": 0.11548676988337624,
  "fd_num": 11,
  "fd_perc": 8.148148148148149,
  "fwhm_avg": 2.0010086957128412,
  "fwhm_x": 1.97492,
  "fwhm_y": 2.1919,
  "fwhm_z": 1.836206087138524,
  "gcor": 0.0171399,
  "gsr_x": -0.01684090867638588,
  "gsr_y": 0.026906227692961693,
  "provenance": {
    "md5sum": "d50110c450a32df5de3f973708b9449f",
    "settings": {
      "fd_thres": 0.2,
      "testing": false
    },
    "software": "mriqc",
    "version": "22.0.0rc1",
    "webapi_port": null,
    "webapi_url": "https://mriqc.nimh.nih.gov/api/v1"
  },
  "size_t": 135,
  "size_x": 80,
  "size_y": 80,
  "size_z": 36,
  "snr": 5.720701294681501,
  "spacing_tr": 2.0,
  "spacing_x": 3.0,
  "spacing_y": 3.0,
  "spacing_z": 3.299999952316284,
  "summary_bg_k": 32.594438830744835,
  "summary_bg_mad": 85.4382925196157,
  "summary_bg_mean": 888.9553833007812,
  "summary_bg_median": 70.96822357177734,
  "summary_bg_n": 153911.0,
  "summary_bg_p05": 8.73460578918457,
  "summary_bg_p95": 4786.922607421875,
  "summary_bg_stdv": 2087.90771484375,
  "summary_fg_k": 4.116208883302947,
  "summary_fg_mad": 3599.963781761121,
  "summary_fg_mean": 25788.845703125,
  "summary_fg_median": 25247.166015625,
  "summary_fg_n": 36268.0,
  "summary_fg_p05": 20135.45244140625,
  "summary_fg_p95": 32926.8095703125,
  "summary_fg_stdv": 4413.23828125,
  "tsnr": 101.73006439208984
}