{
  "aor": 0.001569642857142857,
  "aqi": 0.0038620829910714287,
  "bids_meta": {
    "AcquisitionNumber": 7,
    "BidsifyVersion": "0.3.5",
    "ConversionSoftware": "dcm2niix",
    "ConversionSoftwareVersion": "v1.0.20181125  GCC6.3.0",
    "EchoTime": 0.02763,
    "EffectiveEchoSpacing": 0.0006909035636805814,
    "FlipAngle": 76.1,
    "ImageComments": "PIOP2",
    "ImageOrientationPatientDICOM": [
      0.999556,
      -0.0135165,
      -0.0265578,
      0.00767619,
      0.977927,
      -0.208805
    ],
    "Manufacturer": "Philips",
    "NumberOfVolumesDiscardedByScanner": 2,
    "ParallelAcquisitionTechnique": "SENSE",
    "ParallelReductionFactorInPlane": 2,
    "PatientPosition": "HFS",
    "PhaseEncodingDirection": "j",
    "PhilipsRescaleIntercept": 0,
    "PhilipsRescaleSlope": 0.78144,
    "PhilipsScaleSlope": 0.0656519,
    "ProtocolName": "WIPtask-stop_boldSENSE",
    "PulseSequenceType": "gradient echo EPI",
    "ReconMatrixPE": 80,
    "RepetitionTime": 2,
    "SeriesDescription": "ImageMRSERIES",
    "SeriesNumber": 7,
    "SliceEncodingDirection": "k",
    "SliceTiming": [
      0.0,
      0.0556,
      0.1111,
      0.1667,
      0.2222,
      0.2778,
      0.3333,
      0.3889,
      0.4444,
      0.5,
      0.5556,
      0.6111,
      0.6667,
      0.7222,
      0.7778,
      0.8333,
      0.8889,
      0.9444,
      1.0,
      1.0556,
      1.1111,
      1.1667,
      1.2222,
      1.2778,
      1.3333,
      1.3889,
      1.4444,
      1.5,
      1.5556,
      1.6111,
      1.6667,
      1.7222,
      1.7778,
      1.8333,
      1.8889,
      1.9444
    ],
    "TaskName": "stopsignal",
    "TotalReadoutTime": 0.026945238983542674,
    "UsePhilipsFloatNotDisplayScaling": 1,
    "WaterFatShift": 12,
    "acq_id": "seq",
    "dataset": "ds002790",
    "modality": "bold",
    "subject_id": "0154",
    "task_id": "stopsignal"
  },
  "dummy_trs": 0,
  "dvars_nstd": 22.497134024932745,
  "dvars_std": 1.3177701755605384,
  "dvars_vstd": 1.0034515936322872,
  "efc": 0.41395265701293027,
  "fber": 257572.796875,
  "fd_mean": 0.17549670924038308,
  "fd_num": 64,
  "fd_perc": 28.571428571428573,
  "fwhm_avg": 2.003449301975815,
  "fwhm_x": 1.9526566666666667,
  "fwhm_y": 2.17947,
  "fwhm_z": 1.878221239260778,
  "gcor": 0.0343182,
  "gsr_x": -0.019641168415546417,
  "gsr_y": 0.0084888506680727,
  "provenance": {
    "md5sum": "9822f727c3089e0239580c5881598db2",
    "settings": {
      "fd_thres": 0.2,
      "testing": false
    },
    "software": "mriqc",
    "version": "22.0.0rc1",
    "webapi_port": null,
    "webapi_url": "https://mriqc.nimh.nih.gov/api/v1"
  },
  "size_t": 224,
  "size_x": 80,
  "size_y": 80,
  "size_z": 36,
  "snr": 5.99593302363282,
  "spacing_tr": 2.0,
  "spacing_x": 3.0,
  "spacing_y": 3.0,
  "spacing_z": 3.299999952316284,
  "summary_bg_k": 70.26193768113124,
  "summary_bg_mad": 47.097086903301665,
  "summary_bg_mean": 371.20550537109375,
  "summary_bg_median": 45.132057189941406,
  "summary_bg_n": 156255.0,
  "summary_bg_p05": 2.5946243286132815,
  "summary_bg_p95": 1982.5391113281241,
  "summary_bg_stdv": 1140.3441162109375,
  "summary_fg_k": 1.024352641226689,
  "summary_fg_mad": 3617.2366767482026,
  "summary_fg_mean": 23819.892578125,
  "summary_fg_median": 23473.236328125,
  "summary_fg_n": 34385.0,
  "summary_fg_p05": 18184.0484375,
  "summary_fg_p95": 30665.187890625,
  "summary_fg_stdv": 3914.802734375,
  "tsnr": 97.39892578125
}