{
  "aor": 0.0015669999999999998,
  "aqi": 0.0032607468749999997,
  "bids_meta": {
    "AcquisitionNumber": 4,
    "BidsifyVersion": "0.3.5",
    "ConversionSoftware": "dcm2niix",
    "ConversionSoftwareVersion": "v1.0.20181125  GCC6.3.0",
    "EchoTime": 0.02763,
    "EffectiveEchoSpacing": 0.0006909035636805814,
    "FlipAngle": 76.1,
    "ImageComments": "PIOP2",
    "ImageOrientationPatientDICOM": [
      0.999556,
      -0.0135165,
      -0.0265578,
      0.00767619,
      0.977927,
      -0.208805
    ],
    "Manufacturer": "Philips",
    "NumberOfVolumesDiscardedByScanner": 2,
    "ParallelAcquisitionTechnique": "SENSE",
    "ParallelReductionFactorInPlane": 2,
    "PatientPosition": "HFS",
    "PhaseEncodingDirection": "j",
    "PhilipsRescaleIntercept": 0,
    "PhilipsRescaleSlope": 0.78144,
    "PhilipsScaleSlope": 0.0661194,
    "ProtocolName": "WIPtask-rest_boldSENSE",
    "PulseSequenceType": "gradient echo EPI",
    "ReconMatrixPE": 80,
    "RepetitionTime": 2,
    "SeriesDescription": "ImageMRSERIES",
    "SeriesNumber": 4,
    "SliceEncodingDirection": "k",
    "SliceTiming": [
      0.0,
      0.0556,
      0.1111,
      0.1667,
      0.2222,
      0.2778,
      0.3333,
      0.3889,
      0.4444,
      0.5,
      0.5556,
      0.6111,
      0.6667,
      0.7222,
      0.7778,
      0.8333,
      0.8889,
      0.9444,
      1.0,
      1.0556,
      1.1111,
      1.1667,
      1.2222,
      1.2778,
      1.3333,
      1.3889,
      1.4444,
      1.5,
      1.5556,
      1.6111,
      1.6667,
      1.7222,
      1.7778,
      1.8333,
      1.8889,
      1.9444
    ],
    "TaskName": "restingstate",
    "TotalReadoutTime": 0.026945238983542674,
    "UsePhilipsFloatNotDisplayScaling": 1,
    "WaterFatShift": 12,
    "acq_id": "seq",
    "dataset": "ds002790",
    "modality": "bold",
    "subject_id": "0154",
    "task_id": "restingstate"
  },
  "dummy_trs": 0,
  "dvars_nstd": 22.219651704728022,
  "dvars_std": 1.3547265421757324,
  "dvars_vstd": 1.009782746610878,
  "efc": 0.4134617670193414,
  "fber": 264858.5625,
  "fd_mean": 0.18261133515206163,
  "fd_num": 89,
  "fd_perc": 37.083333333333336,
  "fwhm_avg": 2.005317180743931,
  "fwhm_x": 1.9486800000000002,
  "fwhm_y": 2.1931533333333335,
  "fwhm_z": 1.8741182088984607,
  "gcor": 0.0420427,
  "gsr_x": -0.019540555775165558,
  "gsr_y": 0.008989226073026657,
  "provenance": {
    "md5sum": "291aa1923f82b9b0e4c6450f972ccfc3",
    "settings": {
      "fd_thres": 0.2,
      "testing": false
    },
    "software": "mriqc",
    "version": "22.0.0rc1",
    "webapi_port": null,
    "webapi_url": "https://mriqc.nimh.nih.gov/api/v1"
  },
  "size_t": 240,
  "size_x": 80,
  "size_y": 80,
  "size_z": 36,
  "snr": 5.9795383842237735,
  "spacing_tr": 2.0,
  "spacing_x": 3.0,
  "spacing_y": 3.0,
  "spacing_z": 3.299999952316284,
  "summary_bg_k": 80.84550669405563,
  "summary_bg_mad": 46.38468489792311,
  "summary_bg_mean": 364.15240478515625,
  "summary_bg_median": 44.419578552246094,
  "summary_bg_n": 156270.0,
  "summary_bg_p05": 2.4423272609710693,
  "summary_bg_p95": 1914.737860107421,
  "summary_bg_stdv": 1131.4974365234375,
  "summary_fg_k": 1.2118126385232069,
  "summary_fg_mad": 3598.6694005273866,
  "summary_fg_mean": 23748.515625,
  "summary_fg_median": 23395.134765625,
  "summary_fg_n": 34431.0,
  "summary_fg_p05": 18144.4169921875,
  "summary_fg_p95": 30501.55078125,
  "summary_fg_stdv": 3912.47509765625,
  "tsnr": 105.11763763427734
}