{
  "aor": 0.002012875,
  "aqi": 0.004179394625,
  "bids_meta": {
    "AcquisitionNumber": 3,
    "BidsifyVersion": "0.3.5",
    "ConversionSoftware": "dcm2niix",
    "ConversionSoftwareVersion": "v1.0.20181125  GCC6.3.0",
    "EchoTime": 0.02763,
    "EffectiveEchoSpacing": 0.0006909035636805814,
    "FlipAngle": 76.1,
    "ImageComments": "PIOP2",
    "ImageOrientationPatientDICOM": [
      0.999556,
      -0.0135165,
      -0.0265578,
      0.00767619,
      0.977927,
      -0.208805
    ],
    "Manufacturer": "Philips",
    "NumberOfVolumesDiscardedByScanner": 2,
    "ParallelAcquisitionTechnique": "SENSE",
    "ParallelReductionFactorInPlane": 2,
    "PatientPosition": "HFS",
    "PhaseEncodingDirection": "j",
    "PhilipsRescaleIntercept": 0,
    "PhilipsRescaleSlope": 0.75849,
    "PhilipsScaleSlope": 0.0680494,
    "ProtocolName": "WIPtask-wm_boldSENSE",
    "PulseSequenceType": "gradient echo EPI",
    "ReconMatrixPE": 80,
    "RepetitionTime": 2,
    "SeriesDescription": "ImageMRSERIES",
    "SeriesNumber": 3,
    "SliceEncodingDirection": "k",
    "SliceTiming": [
      0.0,
      0.0556,
      0.1111,
      0.1667,
      0.2222,
      0.2778,
      0.3333,
      0.3889,
      0.4444,
      0.5,
      0.5556,
      0.6111,
      0.6667,
      0.7222,
      0.7778,
      0.8333,
      0.8889,
      0.9444,
      1.0,
      1.0556,
      1.1111,
      1.1667,
      1.2222,
      1.2778,
      1.3333,
      1.3889,
      1.4444,
      1.5,
      1.5556,
      1.6111,
      1.6667,
      1.7222,
      1.7778,
      1.8333,
      1.8889,
      1.9444
    ],
    "TaskName": "workingmemory",
    "TotalReadoutTime": 0.026945238983542674,
    "UsePhilipsFloatNotDisplayScaling": 1,
    "WaterFatShift": 12,
    "acq_id": "seq",
    "dataset": "ds002790",
    "modality": "bold",
    "subject_id": "0154",
    "task_id": "workingmemory"
  },
  "dummy_trs": 0,
  "dvars_nstd": 19.37253244213836,
  "dvars_std": 1.25090360509434,
  "dvars_vstd": 1.0031428471069181,
  "efc": 0.41339503530921184,
  "fber": 266896.875,
  "fd_mean": 0.1439170661786055,
  "fd_num": 24,
  "fd_perc": 15.0,
  "fwhm_avg": 2.0054292009543295,
  "fwhm_x": 1.9475933333333335,
  "fwhm_y": 2.1928366666666665,
  "fwhm_z": 1.8758576028629883,
  "gcor": 0.0431574,
  "gsr_x": -0.01913558878004551,
  "gsr_y": 0.008335850201547146,
  "provenance": {
    "md5sum": "6e85369ef21ca523ae14bd8292b1ea52",
    "settings": {
      "fd_thres": 0.2,
      "testing": false
    },
    "software": "mriqc",
    "version": "22.0.0rc1",
    "webapi_port": null,
    "webapi_url": "https://mriqc.nimh.nih.gov/api/v1"
  },
  "size_t": 160,
  "size_x": 80,
  "size_y": 80,
  "size_z": 36,
  "snr": 6.092539983791622,
  "spacing_tr": 2.0,
  "spacing_x": 3.0,
  "spacing_y": 3.0,
  "spacing_z": 3.299999952316284,
  "summary_bg_k": 66.26255469397728,
  "summary_bg_mad": 45.414290628367375,
  "summary_bg_mean": 357.91748046875,
  "summary_bg_median": 43.93903732299805,
  "summary_bg_n": 156214.0,
  "summary_bg_p05": 2.6809103846549993,
  "summary_bg_p95": 1891.7416870117188,
  "summary_bg_stdv": 1100.572021484375,
  "summary_fg_k": 1.067585800910174,
  "summary_fg_mad": 3535.907837082288,
  "summary_fg_mean": 23595.5234375,
  "summary_fg_median": 23266.775390625,
  "summary_fg_n": 34421.0,
  "summary_fg_p05": 18085.603515625,
  "summary_fg_p95": 30216.076171875,
  "summary_fg_stdv": 3818.84033203125,
  "tsnr": 95.64651489257812
}