{
  "bids_meta": {
    "AcquisitionNumber": 2,
    "BidsifyVersion": "0.3.5",
    "ConversionSoftware": "dcm2niix",
    "ConversionSoftwareVersion": "v1.0.20181125  GCC6.3.0",
    "EchoTime": 0.00377,
    "ImageComments": "PIOP2",
    "ImageOrientationPatientDICOM": [
      0.998967,
      -0.0440814,
      0.0110032,
      0.0448387,
      0.995605,
      -0.0822236
    ],
    "Manufacturer": "Philips",
    "NumberSignalAcquisitions": 2,
    "PatientPosition": "HFS",
    "PhilipsRescaleIntercept": 0,
    "PhilipsRescaleSlope": 10.1458,
    "PhilipsScaleSlope": 0.00681332,
    "ProtocolName": "WIPT1anat_acq-6m_T1wSENSE",
    "ReconMatrixPE": 240,
    "RepetitionTime": 0.008207,
    "SeriesDescription": "ImageMRSERIES",
    "SeriesNumber": 2,
    "UsePhilipsFloatNotDisplayScaling": 1,
    "dataset": "ds002790",
    "modality": "T1w",
    "subject_id": "0160"
  },
  "cjv": 0.2591956358093814,
  "cnr": 4.49641407007502,
  "efc": 0.7739927298731727,
  "fber": 1147.958740234375,
  "fwhm_avg": 4.545539912317223,
  "fwhm_x": 4.4267394722915325,
  "fwhm_y": 4.440260264660136,
  "fwhm_z": 4.76962,
  "icvs_csf": 0.27505468127827604,
  "icvs_gm": 0.3812064787947526,
  "icvs_wm": 0.34373883992697135,
  "inu_med": 0.7696211934089661,
  "inu_range": 0.2328518986701964,
  "provenance": {
    "md5sum": "6cfcf6d8027579ab38196640edf867f6",
    "settings": {
      "testing": false
    },
    "software": "mriqc",
    "version": "22.0.0rc1",
    "warnings": {
      "large_rot_frame": true,
      "small_air_mask": true
    },
    "webapi_port": null,
    "webapi_url": "https://mriqc.nimh.nih.gov/api/v1"
  },
  "qi_1": 0.0,
  "qi_2": 0.00010566323586480643,
  "rpve_csf": 21.560586629442184,
  "rpve_gm": 14.504990816339587,
  "rpve_wm": 21.261892668571225,
  "size_x": 240,
  "size_y": 240,
  "size_z": 220,
  "snr_csf": 3.2806402551157334,
  "snr_gm": 9.3831342555777,
  "snr_total": 12.644309829527392,
  "snr_wm": 25.26915497788874,
  "snrd_csf": 21.725410089331334,
  "snrd_gm": 40.91909023112211,
  "snrd_total": 42.10143274285003,
  "snrd_wm": 63.65979790809664,
  "spacing_x": 1.0000001192092896,
  "spacing_y": 0.9999999403953552,
  "spacing_z": 1.0,
  "summary_bg_k": 40.654557240545465,
  "summary_bg_mad": 10.291202913832928,
  "summary_bg_mean": 10.25300121307373,
  "summary_bg_median": 7.163798809051514,
  "summary_bg_n": 198438.0,
  "summary_bg_p05": 0.0,
  "summary_bg_p95": 21.502444744110107,
  "summary_bg_stdv": 7.2853288650512695,
  "summary_csf_k": 44.67847345697399,
  "summary_csf_mad": 96.28118708882681,
  "summary_csf_mean": 329.90576171875,
  "summary_csf_median": 341.27337646484375,
  "summary_csf_n": 16059.0,
  "summary_csf_p05": 146.9218978881836,
  "summary_csf_p95": 464.46242370605466,
  "summary_csf_stdv": 104.0232162475586,
  "summary_gm_k": 0.9509379591419362,
  "summary_gm_mad": 59.311961444875564,
  "summary_gm_mean": 646.3050537109375,
  "summary_gm_median": 642.777099609375,
  "summary_gm_n": 21622.0,
  "summary_gm_p05": 540.9596313476562,
  "summary_gm_p95": 769.2089935302735,
  "summary_gm_stdv": 68.50186920166016,
  "summary_wm_k": 1.5980494128938654,
  "summary_wm_mad": 33.278465506990216,
  "summary_wm_mean": 997.610107421875,
  "summary_wm_median": 999.999267578125,
  "summary_wm_n": 206728.0,
  "summary_wm_p05": 927.0260833740234,
  "summary_wm_p95": 1056.9759948730468,
  "summary_wm_stdv": 39.573814392089844,
  "tpm_overlap_csf": 0.13991940021514893,
  "tpm_overlap_gm": 0.41769304871559143,
  "tpm_overlap_wm": 0.4927806556224823,
  "wm2max": 0.725123085693182
}