{
  "bids_meta": {
    "AcquisitionNumber": 2,
    "BidsifyVersion": "0.3.5",
    "ConversionSoftware": "dcm2niix",
    "ConversionSoftwareVersion": "v1.0.20181125  GCC6.3.0",
    "EchoTime": 0.00374,
    "ImageComments": "PIOP2",
    "ImageOrientationPatientDICOM": [
      0.999588,
      0.0273516,
      -0.00869691,
      -0.0273972,
      0.999611,
      -0.00517416
    ],
    "Manufacturer": "Philips",
    "NumberSignalAcquisitions": 2,
    "PatientPosition": "HFS",
    "PhilipsRescaleIntercept": 0,
    "PhilipsRescaleSlope": 8.97582,
    "PhilipsScaleSlope": 0.00736516,
    "ProtocolName": "WIPT1anat_acq-6m_T1wSENSE",
    "ReconMatrixPE": 240,
    "RepetitionTime": 0.00816,
    "SeriesDescription": "ImageMRSERIES",
    "SeriesNumber": 2,
    "UsePhilipsFloatNotDisplayScaling": 1,
    "dataset": "ds002790",
    "modality": "T1w",
    "subject_id": "0167"
  },
  "cjv": 0.25861175857932167,
  "cnr": 4.558896252746035,
  "efc": 0.7648676385163135,
  "fber": 1787.4576416015625,
  "fwhm_avg": 4.584526855973414,
  "fwhm_x": 4.22546,
  "fwhm_y": 4.707380280581729,
  "fwhm_z": 4.820740287338512,
  "icvs_csf": 0.2675426980070448,
  "icvs_gm": 0.3634626080937124,
  "icvs_wm": 0.36899469389924283,
  "inu_med": 1.7743761539459229,
  "inu_range": 0.3436530947685241,
  "provenance": {
    "md5sum": "a9944407f017257be9ef12e3e1fe18cd",
    "settings": {
      "testing": false
    },
    "software": "mriqc",
    "version": "22.0.0rc1",
    "warnings": {
      "large_rot_frame": true,
      "small_air_mask": true
    },
    "webapi_port": null,
    "webapi_url": "https://mriqc.nimh.nih.gov/api/v1"
  },
  "qi_1": 3.887760358451505e-05,
  "qi_2": 0.00020996751827395788,
  "rpve_csf": 21.234434604673854,
  "rpve_gm": 14.378105338431284,
  "rpve_wm": 19.628854306512956,
  "size_x": 240,
  "size_y": 240,
  "size_z": 220,
  "snr_csf": 2.776410079898018,
  "snr_gm": 9.405770382357248,
  "snr_total": 14.175727766659122,
  "snr_wm": 30.345002837722102,
  "snrd_csf": 26.64328512721544,
  "snrd_gm": 56.21199323682301,
  "snrd_total": 56.4472580878732,
  "snrd_wm": 86.48649589958117,
  "spacing_x": 1.0,
  "spacing_y": 0.9999999403953552,
  "spacing_z": 0.9999999403953552,
  "summary_bg_k": 10.754576705101195,
  "summary_bg_mad": 7.574916911598586,
  "summary_bg_mean": 7.8869709968566895,
  "summary_bg_median": 5.300267219543457,
  "summary_bg_n": 149882.0,
  "summary_bg_p05": 0.0,
  "summary_bg_p95": 16.21173915863037,
  "summary_bg_stdv": 5.91657018661499,
  "summary_csf_k": 27.5658026092303,
  "summary_csf_mad": 116.35869917392966,
  "summary_csf_mean": 294.89044189453125,
  "summary_csf_median": 308.05902099609375,
  "summary_csf_n": 21140.0,
  "summary_csf_p05": 117.4636173248291,
  "summary_csf_p95": 446.71838226318357,
  "summary_csf_stdv": 110.95325469970703,
  "summary_gm_k": 1.0892168204611696,
  "summary_gm_mad": 60.516032802262984,
  "summary_gm_mean": 655.4010620117188,
  "summary_gm_median": 649.9428100585938,
  "summary_gm_n": 19270.0,
  "summary_gm_p05": 553.8442260742188,
  "summary_gm_p95": 783.5024993896484,
  "summary_gm_stdv": 69.09864044189453,
  "summary_wm_k": 0.803755027891909,
  "summary_wm_mad": 30.00957375031929,
  "summary_wm_mean": 1000.1144409179688,
  "summary_wm_median": 999.9872436523438,
  "summary_wm_n": 250072.0,
  "summary_wm_p05": 946.5234771728516,
  "summary_wm_p95": 1054.5802429199218,
  "summary_wm_stdv": 32.9538688659668,
  "tpm_overlap_csf": 0.1618192046880722,
  "tpm_overlap_gm": 0.42213669419288635,
  "tpm_overlap_wm": 0.5050904154777527,
  "wm2max": 0.8216123096978554
}