{
  "aor": 0.002119458333333333,
  "aqi": 0.0029001035416666666,
  "bids_meta": {
    "AcquisitionNumber": 4,
    "BidsifyVersion": "0.3.5",
    "ConversionSoftware": "dcm2niix",
    "ConversionSoftwareVersion": "v1.0.20181125  GCC6.3.0",
    "EchoTime": 0.02763,
    "FlipAngle": 76.1,
    "ImageComments": "PIOP2",
    "ImageOrientationPatientDICOM": [
      0.996291,
      0.0859888,
      0.00320444,
      -0.0859378,
      0.992431,
      0.0877265
    ],
    "Manufacturer": "Philips",
    "NumberOfVolumesDiscardedByScanner": 2,
    "ParallelAcquisitionTechnique": "SENSE",
    "ParallelReductionFactorInPlane": 2,
    "PatientPosition": "HFS",
    "PhaseEncodingDirection": "j",
    "PhilipsRescaleIntercept": 0,
    "PhilipsRescaleSlope": 0.81538,
    "PhilipsScaleSlope": 0.056992,
    "ProtocolName": "WIPtask-rest_boldSENSE",
    "PulseSequenceType": "gradient echo EPI",
    "ReconMatrixPE": 80,
    "RepetitionTime": 2,
    "SeriesDescription": "ImageMRSERIES",
    "SeriesNumber": 4,
    "SliceEncodingDirection": "k",
    "TaskName": "restingstate",
    "UsePhilipsFloatNotDisplayScaling": 1,
    "WaterFatShift": 12,
    "acq_id": "seq",
    "dataset": "ds002790",
    "modality": "bold",
    "subject_id": "0217",
    "task_id": "restingstate"
  },
  "dummy_trs": 0,
  "dvars_nstd": 17.979005661757324,
  "dvars_std": 1.2864961956066945,
  "dvars_vstd": 1.0188794758577406,
  "efc": 0.43768426560120344,
  "fber": 216441.59375,
  "fd_mean": 0.10332351095809057,
  "fd_num": 14,
  "fd_perc": 5.833333333333333,
  "fwhm_avg": 1.9296638471055505,
  "fwhm_x": 1.8533,
  "fwhm_y": 2.1249066666666665,
  "fwhm_z": 1.8107848746499853,
  "gcor": 0.0319402,
  "gsr_x": -0.009071236476302147,
  "gsr_y": 0.009543076157569885,
  "provenance": {
    "md5sum": "8c9065297da756b1ca0b88d98f35aa59",
    "settings": {
      "fd_thres": 0.2,
      "testing": false
    },
    "software": "mriqc",
    "version": "23.0.1",
    "webapi_port": null,
    "webapi_url": "https://mriqc.nimh.nih.gov/api/v1"
  },
  "size_t": 240,
  "size_x": 80,
  "size_y": 80,
  "size_z": 36,
  "snr": 6.082028299165169,
  "spacing_tr": 2.0,
  "spacing_x": 3.0,
  "spacing_y": 3.0,
  "spacing_z": 3.299999952316284,
  "summary_bg_k": 64.68849254007448,
  "summary_bg_mad": 57.114993286587506,
  "summary_bg_mean": 627.2327880859375,
  "summary_bg_median": 51.862220764160156,
  "summary_bg_n": 154154.0,
  "summary_bg_p05": 5.29438922405243,
  "summary_bg_p95": 3186.690539550787,
  "summary_bg_stdv": 1798.0863037109375,
  "summary_fg_k": 1.6740281824069365,
  "summary_fg_mad": 3846.5622288859977,
  "summary_fg_mean": 24821.5625,
  "summary_fg_median": 24521.7890625,
  "summary_fg_n": 36080.0,
  "summary_fg_p05": 18989.63134765625,
  "summary_fg_p95": 31437.833007812493,
  "summary_fg_stdv": 4031.7880859375,
  "tsnr": 109.42350006103516
}