{
  "aor": 0.0025553125,
  "aqi": 0.0036445233124999996,
  "bids_meta": {
    "AcquisitionNumber": 3,
    "BidsifyVersion": "0.3.5",
    "ConversionSoftware": "dcm2niix",
    "ConversionSoftwareVersion": "v1.0.20181125  GCC6.3.0",
    "EchoTime": 0.02763,
    "FlipAngle": 76.1,
    "ImageComments": "PIOP2",
    "ImageOrientationPatientDICOM": [
      0.996291,
      0.0859888,
      0.00320444,
      -0.0859378,
      0.992431,
      0.0877265
    ],
    "Manufacturer": "Philips",
    "NumberOfVolumesDiscardedByScanner": 2,
    "ParallelAcquisitionTechnique": "SENSE",
    "ParallelReductionFactorInPlane": 2,
    "PatientPosition": "HFS",
    "PhaseEncodingDirection": "j",
    "PhilipsRescaleIntercept": 0,
    "PhilipsRescaleSlope": 0.8022,
    "PhilipsScaleSlope": 0.055106,
    "ProtocolName": "WIPtask-wm_boldSENSE",
    "PulseSequenceType": "gradient echo EPI",
    "ReconMatrixPE": 80,
    "RepetitionTime": 2,
    "SeriesDescription": "ImageMRSERIES",
    "SeriesNumber": 3,
    "SliceEncodingDirection": "k",
    "TaskName": "workingmemory",
    "UsePhilipsFloatNotDisplayScaling": 1,
    "WaterFatShift": 12,
    "acq_id": "seq",
    "dataset": "ds002790",
    "modality": "bold",
    "subject_id": "0217",
    "task_id": "workingmemory"
  },
  "dummy_trs": 0,
  "dvars_nstd": 19.114437534654083,
  "dvars_std": 1.2842158509433963,
  "dvars_vstd": 0.9934291789937107,
  "efc": 0.43644474468175365,
  "fber": 227370.140625,
  "fd_mean": 0.09170433743946067,
  "fd_num": 3,
  "fd_perc": 1.875,
  "fwhm_avg": 1.9669016250967009,
  "fwhm_x": 1.8869433333333332,
  "fwhm_y": 2.1586766666666666,
  "fwhm_z": 1.855084875290103,
  "gcor": 0.0348387,
  "gsr_x": -0.009056624956429005,
  "gsr_y": 0.009203455410897732,
  "provenance": {
    "md5sum": "84de91dce2ddffaf0021be1e2daa7da8",
    "settings": {
      "fd_thres": 0.2,
      "testing": false
    },
    "software": "mriqc",
    "version": "23.0.1",
    "webapi_port": null,
    "webapi_url": "https://mriqc.nimh.nih.gov/api/v1"
  },
  "size_t": 160,
  "size_x": 80,
  "size_y": 80,
  "size_z": 36,
  "snr": 5.903487233496387,
  "spacing_tr": 2.0,
  "spacing_x": 3.0,
  "spacing_y": 3.0,
  "spacing_z": 3.299999952316284,
  "summary_bg_k": 69.88183010649443,
  "summary_bg_mad": 56.66390484266096,
  "summary_bg_mean": 627.9390258789062,
  "summary_bg_median": 51.669593811035156,
  "summary_bg_n": 154155.0,
  "summary_bg_p05": 5.2248628616333015,
  "summary_bg_p95": 3169.866064453123,
  "summary_bg_stdv": 1828.7135009765625,
  "summary_fg_k": 1.7509847230138371,
  "summary_fg_mad": 4040.846825074308,
  "summary_fg_mean": 25392.658203125,
  "summary_fg_median": 25049.123046875,
  "summary_fg_n": 36083.0,
  "summary_fg_p05": 19343.7390625,
  "summary_fg_p95": 32392.234765625002,
  "summary_fg_stdv": 4243.04736328125,
  "tsnr": 97.56045532226562
}