{
  "aor": 0.002745777777777778,
  "aqi": 0.0026830514814814815,
  "bids_meta": {
    "AcquisitionNumber": 8,
    "BidsifyVersion": "0.3.5",
    "ConversionSoftware": "dcm2niix",
    "ConversionSoftwareVersion": "v1.0.20181125  GCC6.3.0",
    "EchoTime": 0.02763,
    "FlipAngle": 76.1,
    "ImageComments": "PIOP2",
    "ImageOrientationPatientDICOM": [
      0.996291,
      0.0859888,
      0.00320444,
      -0.0859378,
      0.992431,
      0.0877265
    ],
    "Manufacturer": "Philips",
    "NumberOfVolumesDiscardedByScanner": 2,
    "ParallelAcquisitionTechnique": "SENSE",
    "ParallelReductionFactorInPlane": 2,
    "PatientPosition": "HFS",
    "PhaseEncodingDirection": "j",
    "PhilipsRescaleIntercept": 0,
    "PhilipsRescaleSlope": 0.82613,
    "PhilipsScaleSlope": 0.0582711,
    "ProtocolName": "WIPtask-harriri_boldSENSE",
    "PulseSequenceType": "gradient echo EPI",
    "ReconMatrixPE": 80,
    "RepetitionTime": 2,
    "SeriesDescription": "ImageMRSERIES",
    "SeriesNumber": 8,
    "SliceEncodingDirection": "k",
    "TaskName": "emomatching",
    "UsePhilipsFloatNotDisplayScaling": 1,
    "WaterFatShift": 12,
    "acq_id": "seq",
    "dataset": "ds002790",
    "modality": "bold",
    "subject_id": "0217",
    "task_id": "emomatching"
  },
  "dummy_trs": 0,
  "dvars_nstd": 19.25668863753731,
  "dvars_std": 1.3500177142537313,
  "dvars_vstd": 1.0308542912686567,
  "efc": 0.4396172608046231,
  "fber": 217324.984375,
  "fd_mean": 0.0904090725659527,
  "fd_num": 3,
  "fd_perc": 2.2222222222222223,
  "fwhm_avg": 1.9556132412030145,
  "fwhm_x": 1.8752000000000002,
  "fwhm_y": 2.1480366666666666,
  "fwhm_z": 1.8436030569423771,
  "gcor": 0.0456062,
  "gsr_x": -0.00961631815880537,
  "gsr_y": 0.009525860659778118,
  "provenance": {
    "md5sum": "c32e58d237e526452e35169dbb004086",
    "settings": {
      "fd_thres": 0.2,
      "testing": false
    },
    "software": "mriqc",
    "version": "23.0.1",
    "webapi_port": null,
    "webapi_url": "https://mriqc.nimh.nih.gov/api/v1"
  },
  "size_t": 135,
  "size_x": 80,
  "size_y": 80,
  "size_z": 36,
  "snr": 6.13212079533046,
  "spacing_tr": 2.0,
  "spacing_x": 3.0,
  "spacing_y": 3.0,
  "spacing_z": 3.299999952316284,
  "summary_bg_k": 59.114761075666536,
  "summary_bg_mad": 57.29439424053689,
  "summary_bg_mean": 650.721435546875,
  "summary_bg_median": 52.115692138671875,
  "summary_bg_n": 154071.0,
  "summary_bg_p05": 5.145791292190552,
  "summary_bg_p95": 3331.68212890625,
  "summary_bg_stdv": 1846.5206298828125,
  "summary_fg_k": 1.4271511105834955,
  "summary_fg_mad": 3835.0590310090183,
  "summary_fg_mean": 24886.548828125,
  "summary_fg_median": 24566.30078125,
  "summary_fg_n": 36212.0,
  "summary_fg_p05": 19100.1833984375,
  "summary_fg_p95": 31491.77783203125,
  "summary_fg_stdv": 4006.11181640625,
  "tsnr": 113.83026123046875
}