{
  "bids_meta": {
    "AcquisitionNumber": 2,
    "BidsifyVersion": "0.3.5",
    "ConversionSoftware": "dcm2niix",
    "ConversionSoftwareVersion": "v1.0.20181125  GCC6.3.0",
    "EchoTime": 0.00375,
    "ImageComments": "PIOP2",
    "ImageOrientationPatientDICOM": [
      0.99946,
      -0.028826,
      -0.0157943,
      0.0298379,
      0.997232,
      0.0680967
    ],
    "Manufacturer": "Philips",
    "NumberSignalAcquisitions": 2,
    "PatientPosition": "HFS",
    "PhilipsRescaleIntercept": 0,
    "PhilipsRescaleSlope": 8.35433,
    "PhilipsScaleSlope": 0.00731631,
    "ProtocolName": "WIPT1anat_acq-6m_T1wSENSE",
    "ReconMatrixPE": 240,
    "RepetitionTime": 0.008179,
    "SeriesDescription": "ImageMRSERIES",
    "SeriesNumber": 2,
    "UsePhilipsFloatNotDisplayScaling": 1,
    "dataset": "ds002790",
    "modality": "T1w",
    "subject_id": "0146"
  },
  "cjv": 0.26185644393119245,
  "cnr": 4.604090862624354,
  "efc": 0.7484968589725769,
  "fber": 1856.387939453125,
  "fwhm_avg": 4.504050178942294,
  "fwhm_x": 4.30480025658609,
  "fwhm_y": 4.50569,
  "fwhm_z": 4.701660280240791,
  "icvs_csf": 0.24321377520329704,
  "icvs_gm": 0.398164655122343,
  "icvs_wm": 0.35862156967436,
  "inu_med": 2.040937900543213,
  "inu_range": 0.43316924571990967,
  "provenance": {
    "md5sum": "2f53694d4444f355393c736a4b5c4649",
    "settings": {
      "testing": false
    },
    "software": "mriqc",
    "version": "22.0.0rc1",
    "warnings": {
      "large_rot_frame": true,
      "small_air_mask": true
    },
    "webapi_port": null,
    "webapi_url": "https://mriqc.nimh.nih.gov/api/v1"
  },
  "qi_1": 2.4773148737985024e-05,
  "qi_2": 0.000179619041657998,
  "rpve_csf": 27.562527972058657,
  "rpve_gm": 16.715499210997887,
  "rpve_wm": 24.223268609719877,
  "size_x": 240,
  "size_y": 240,
  "size_z": 220,
  "snr_csf": 2.352399056617478,
  "snr_gm": 9.660767769039387,
  "snr_total": 12.750779972800942,
  "snr_wm": 26.239173092745958,
  "snrd_csf": 25.677212330089343,
  "snrd_gm": 58.88038126883975,
  "snrd_total": 58.62681156265933,
  "snrd_wm": 91.32284108904888,
  "spacing_x": 0.9999999403953552,
  "spacing_y": 1.0,
  "spacing_z": 0.9999999403953552,
  "summary_bg_k": 239.49053867007683,
  "summary_bg_mad": 7.173776593483555,
  "summary_bg_mean": 7.546858787536621,
  "summary_bg_median": 4.9928879737854,
  "summary_bg_n": 134385.0,
  "summary_bg_p05": 0.0,
  "summary_bg_p95": 19.54305877685545,
  "summary_bg_stdv": 6.877401828765869,
  "summary_csf_k": 63.76138843084583,
  "summary_csf_mad": 107.6585800503841,
  "summary_csf_mean": 272.670166015625,
  "summary_csf_median": 281.1667785644531,
  "summary_csf_n": 11930.0,
  "summary_csf_p05": 92.78468208312988,
  "summary_csf_p95": 429.6034225463867,
  "summary_csf_stdv": 119.5184097290039,
  "summary_gm_k": 0.7179858231557055,
  "summary_gm_mad": 60.437034283173915,
  "summary_gm_mean": 647.0457763671875,
  "summary_gm_median": 644.7431640625,
  "summary_gm_n": 21157.0,
  "summary_gm_p05": 543.6124755859375,
  "summary_gm_p95": 763.7189331054688,
  "summary_gm_stdv": 66.7367172241211,
  "summary_wm_k": 1.3641020024652288,
  "summary_wm_mad": 32.58657240623986,
  "summary_wm_mean": 996.2372436523438,
  "summary_wm_median": 999.98974609375,
  "summary_wm_n": 189969.0,
  "summary_wm_p05": 926.6501586914062,
  "summary_wm_p95": 1051.8845703125,
  "summary_wm_stdv": 38.11046600341797,
  "tpm_overlap_csf": 0.1702955961227417,
  "tpm_overlap_gm": 0.4336940050125122,
  "tpm_overlap_wm": 0.5058494806289673,
  "wm2max": 0.7527709426680455
}