{
  "aor": 0.0022554375,
  "aqi": 0.0036978246874999994,
  "bids_meta": {
    "AcquisitionNumber": 3,
    "BidsifyVersion": "0.3.5",
    "ConversionSoftware": "dcm2niix",
    "ConversionSoftwareVersion": "v1.0.20181125  GCC6.3.0",
    "EchoTime": 0.02763,
    "EffectiveEchoSpacing": 0.0006909035636805814,
    "FlipAngle": 76.1,
    "ImageComments": "PIOP2",
    "ImageOrientationPatientDICOM": [
      0.997628,
      0.0673656,
      -0.0141564,
      -0.0678365,
      0.997049,
      -0.0359405
    ],
    "Manufacturer": "Philips",
    "NumberOfVolumesDiscardedByScanner": 2,
    "ParallelAcquisitionTechnique": "SENSE",
    "ParallelReductionFactorInPlane": 2,
    "PatientPosition": "HFS",
    "PhaseEncodingDirection": "j",
    "PhilipsRescaleIntercept": 0,
    "PhilipsRescaleSlope": 0.78803,
    "PhilipsScaleSlope": 0.0522243,
    "ProtocolName": "WIPtask-wm_boldSENSE",
    "PulseSequenceType": "gradient echo EPI",
    "ReconMatrixPE": 80,
    "RepetitionTime": 2,
    "SeriesDescription": "ImageMRSERIES",
    "SeriesNumber": 3,
    "SliceEncodingDirection": "k",
    "SliceTiming": [
      0.0,
      0.0556,
      0.1111,
      0.1667,
      0.2222,
      0.2778,
      0.3333,
      0.3889,
      0.4444,
      0.5,
      0.5556,
      0.6111,
      0.6667,
      0.7222,
      0.7778,
      0.8333,
      0.8889,
      0.9444,
      1.0,
      1.0556,
      1.1111,
      1.1667,
      1.2222,
      1.2778,
      1.3333,
      1.3889,
      1.4444,
      1.5,
      1.5556,
      1.6111,
      1.6667,
      1.7222,
      1.7778,
      1.8333,
      1.8889,
      1.9444
    ],
    "TaskName": "workingmemory",
    "TotalReadoutTime": 0.026945238983542674,
    "UsePhilipsFloatNotDisplayScaling": 1,
    "WaterFatShift": 12,
    "acq_id": "seq",
    "dataset": "ds002790",
    "modality": "bold",
    "subject_id": "0161",
    "task_id": "workingmemory"
  },
  "dummy_trs": 0,
  "dvars_nstd": 16.742370671383654,
  "dvars_std": 1.1635036457232704,
  "dvars_vstd": 1.006500959308177,
  "efc": 0.4538508874207766,
  "fber": 192448.796875,
  "fd_mean": 0.07873415549534621,
  "fd_num": 3,
  "fd_perc": 1.875,
  "fwhm_avg": 1.9113680891820684,
  "fwhm_x": 1.8683100000000001,
  "fwhm_y": 2.1272033333333336,
  "fwhm_z": 1.7385909342128716,
  "gcor": 0.0311793,
  "gsr_x": -0.0061921109445393085,
  "gsr_y": 0.014769930392503738,
  "provenance": {
    "md5sum": "7c0f1932a7253572dd1996b9bf55a8da",
    "settings": {
      "fd_thres": 0.2,
      "testing": false
    },
    "software": "mriqc",
    "version": "22.0.0rc1",
    "webapi_port": null,
    "webapi_url": "https://mriqc.nimh.nih.gov/api/v1"
  },
  "size_t": 160,
  "size_x": 80,
  "size_y": 80,
  "size_z": 36,
  "snr": 6.298941553097963,
  "spacing_tr": 2.0,
  "spacing_x": 3.0,
  "spacing_y": 3.0,
  "spacing_z": 3.299999952316284,
  "summary_bg_k": 45.98103096191979,
  "summary_bg_mad": 67.79896328632532,
  "summary_bg_mean": 821.2958374023438,
  "summary_bg_median": 59.117454528808594,
  "summary_bg_n": 152364.0,
  "summary_bg_p05": 7.31233401298523,
  "summary_bg_p95": 4418.040283203125,
  "summary_bg_stdv": 2112.792724609375,
  "summary_fg_k": 2.6820477343046427,
  "summary_fg_mad": 3710.0310700941427,
  "summary_fg_mean": 26318.390625,
  "summary_fg_median": 26034.859375,
  "summary_fg_n": 37222.0,
  "summary_fg_p05": 20108.113671875,
  "summary_fg_p95": 32697.159765625,
  "summary_fg_stdv": 4133.15625,
  "tsnr": 92.29962158203125
}