{
  "aor": 0.003028518518518518,
  "aqi": 0.0040454883703703705,
  "bids_meta": {
    "AcquisitionNumber": 8,
    "BidsifyVersion": "0.3.5",
    "ConversionSoftware": "dcm2niix",
    "ConversionSoftwareVersion": "v1.0.20181125  GCC6.3.0",
    "EchoTime": 0.02763,
    "EffectiveEchoSpacing": 0.0006909035636805814,
    "FlipAngle": 76.1,
    "ImageComments": "PIOP2",
    "ImageOrientationPatientDICOM": [
      0.995316,
      0.0403341,
      -0.0878576,
      -0.0213703,
      0.97812,
      0.206942
    ],
    "Manufacturer": "Philips",
    "NumberOfVolumesDiscardedByScanner": 2,
    "ParallelAcquisitionTechnique": "SENSE",
    "ParallelReductionFactorInPlane": 2,
    "PatientPosition": "HFS",
    "PhaseEncodingDirection": "j",
    "PhilipsRescaleIntercept": 0,
    "PhilipsRescaleSlope": 0.79878,
    "PhilipsScaleSlope": 0.0545123,
    "ProtocolName": "WIPtask-harriri_boldSENSE",
    "PulseSequenceType": "gradient echo EPI",
    "ReconMatrixPE": 80,
    "RepetitionTime": 2,
    "SeriesDescription": "ImageMRSERIES",
    "SeriesNumber": 8,
    "SliceEncodingDirection": "k",
    "SliceTiming": [
      0.0,
      0.0556,
      0.1111,
      0.1667,
      0.2222,
      0.2778,
      0.3333,
      0.3889,
      0.4444,
      0.5,
      0.5556,
      0.6111,
      0.6667,
      0.7222,
      0.7778,
      0.8333,
      0.8889,
      0.9444,
      1.0,
      1.0556,
      1.1111,
      1.1667,
      1.2222,
      1.2778,
      1.3333,
      1.3889,
      1.4444,
      1.5,
      1.5556,
      1.6111,
      1.6667,
      1.7222,
      1.7778,
      1.8333,
      1.8889,
      1.9444
    ],
    "TaskName": "emomatching",
    "TotalReadoutTime": 0.026945238983542674,
    "UsePhilipsFloatNotDisplayScaling": 1,
    "WaterFatShift": 12,
    "acq_id": "seq",
    "dataset": "ds002790",
    "modality": "bold",
    "subject_id": "0046",
    "task_id": "emomatching"
  },
  "dummy_trs": 0,
  "dvars_nstd": 20.297593145373128,
  "dvars_std": 1.3354186779850745,
  "dvars_vstd": 0.9990170670895531,
  "efc": 0.46211560972032284,
  "fber": 187928.953125,
  "fd_mean": 0.09081315013774144,
  "fd_num": 2,
  "fd_perc": 1.4814814814814814,
  "fwhm_avg": 2.100493949059999,
  "fwhm_x": 2.013856666666667,
  "fwhm_y": 2.2807766666666667,
  "fwhm_z": 2.006848513846665,
  "gcor": 0.0289795,
  "gsr_x": -0.023032978177070618,
  "gsr_y": 0.025853872299194336,
  "provenance": {
    "md5sum": "5d4c8035c70492e5ecd36f49c15797a3",
    "settings": {
      "fd_thres": 0.2,
      "testing": false
    },
    "software": "mriqc",
    "version": "22.0.0rc1",
    "webapi_port": null,
    "webapi_url": "https://mriqc.nimh.nih.gov/api/v1"
  },
  "size_t": 135,
  "size_x": 80,
  "size_y": 80,
  "size_z": 36,
  "snr": 4.915735714266773,
  "spacing_tr": 2.0,
  "spacing_x": 3.0,
  "spacing_y": 3.0,
  "spacing_z": 3.299999952316284,
  "summary_bg_k": 37.25787756183795,
  "summary_bg_mad": 66.33640762072,
  "summary_bg_mean": 734.4028930664062,
  "summary_bg_median": 59.293460845947266,
  "summary_bg_n": 148265.0,
  "summary_bg_p05": 5.25705738067627,
  "summary_bg_p95": 4195.372265624996,
  "summary_bg_stdv": 1947.4014892578125,
  "summary_fg_k": 1.2891648668308822,
  "summary_fg_mad": 4760.737073382518,
  "summary_fg_mean": 26903.392578125,
  "summary_fg_median": 26203.359375,
  "summary_fg_n": 41177.0,
  "summary_fg_p05": 19433.32734375,
  "summary_fg_p95": 36462.757031249996,
  "summary_fg_stdv": 5330.44140625,
  "tsnr": 90.3828125
}