{
  "aor": 0.0025906249999999996,
  "aqi": 0.010082224499999999,
  "bids_meta": {
    "AcquisitionNumber": 4,
    "BidsifyVersion": "0.3.5",
    "ConversionSoftware": "dcm2niix",
    "ConversionSoftwareVersion": "v1.0.20181125  GCC6.3.0",
    "EchoTime": 0.02763,
    "EffectiveEchoSpacing": 0.0006909035636805814,
    "FlipAngle": 76.1,
    "ImageComments": "PIOP2",
    "ImageOrientationPatientDICOM": [
      0.995316,
      0.0403341,
      -0.0878576,
      -0.0213703,
      0.97812,
      0.206942
    ],
    "Manufacturer": "Philips",
    "NumberOfVolumesDiscardedByScanner": 2,
    "ParallelAcquisitionTechnique": "SENSE",
    "ParallelReductionFactorInPlane": 2,
    "PatientPosition": "HFS",
    "PhaseEncodingDirection": "j",
    "PhilipsRescaleIntercept": 0,
    "PhilipsRescaleSlope": 0.79634,
    "PhilipsScaleSlope": 0.0527166,
    "ProtocolName": "WIPtask-rest_boldSENSE",
    "PulseSequenceType": "gradient echo EPI",
    "ReconMatrixPE": 80,
    "RepetitionTime": 2,
    "SeriesDescription": "ImageMRSERIES",
    "SeriesNumber": 4,
    "SliceEncodingDirection": "k",
    "SliceTiming": [
      0.0,
      0.0556,
      0.1111,
      0.1667,
      0.2222,
      0.2778,
      0.3333,
      0.3889,
      0.4444,
      0.5,
      0.5556,
      0.6111,
      0.6667,
      0.7222,
      0.7778,
      0.8333,
      0.8889,
      0.9444,
      1.0,
      1.0556,
      1.1111,
      1.1667,
      1.2222,
      1.2778,
      1.3333,
      1.3889,
      1.4444,
      1.5,
      1.5556,
      1.6111,
      1.6667,
      1.7222,
      1.7778,
      1.8333,
      1.8889,
      1.9444
    ],
    "TaskName": "restingstate",
    "TotalReadoutTime": 0.026945238983542674,
    "UsePhilipsFloatNotDisplayScaling": 1,
    "WaterFatShift": 12,
    "acq_id": "seq",
    "dataset": "ds002790",
    "modality": "bold",
    "subject_id": "0046",
    "task_id": "restingstate"
  },
  "dummy_trs": 0,
  "dvars_nstd": 20.5161226743933,
  "dvars_std": 1.2060660711297084,
  "dvars_vstd": 0.9514490476150628,
  "efc": 0.4617268357201977,
  "fber": 174483.125,
  "fd_mean": 0.11941910745113359,
  "fd_num": 19,
  "fd_perc": 7.916666666666667,
  "fwhm_avg": 2.1106455649078253,
  "fwhm_x": 2.0608233333333335,
  "fwhm_y": 2.3294133333333336,
  "fwhm_z": 1.9417000280568097,
  "gcor": 0.0140352,
  "gsr_x": -0.023078421130776405,
  "gsr_y": 0.025050662457942963,
  "provenance": {
    "md5sum": "e580bf3681a6b4fe1544ffdc1ea8e169",
    "settings": {
      "fd_thres": 0.2,
      "testing": false
    },
    "software": "mriqc",
    "version": "22.0.0rc1",
    "webapi_port": null,
    "webapi_url": "https://mriqc.nimh.nih.gov/api/v1"
  },
  "size_t": 240,
  "size_x": 80,
  "size_y": 80,
  "size_z": 36,
  "snr": 4.787362483708274,
  "spacing_tr": 2.0,
  "spacing_x": 3.0,
  "spacing_y": 3.0,
  "spacing_z": 3.299999952316284,
  "summary_bg_k": 37.15549739173306,
  "summary_bg_mad": 69.36307797307056,
  "summary_bg_mean": 743.3961181640625,
  "summary_bg_median": 62.27992630004883,
  "summary_bg_n": 148253.0,
  "summary_bg_p05": 6.074829483032227,
  "summary_bg_p95": 4241.517773437499,
  "summary_bg_stdv": 1988.316162109375,
  "summary_fg_k": 1.1765870431430194,
  "summary_fg_mad": 4984.242253529696,
  "summary_fg_mean": 27310.267578125,
  "summary_fg_median": 26561.548828125,
  "summary_fg_n": 41237.0,
  "summary_fg_p05": 19561.67578125,
  "summary_fg_p95": 37324.97734375,
  "summary_fg_stdv": 5548.1962890625,
  "tsnr": 67.72025299072266
}