{
  "aor": 0.0039120000000000005,
  "aqi": 0.005229066312500001,
  "bids_meta": {
    "AcquisitionNumber": 3,
    "BidsifyVersion": "0.3.5",
    "ConversionSoftware": "dcm2niix",
    "ConversionSoftwareVersion": "v1.0.20181125  GCC6.3.0",
    "EchoTime": 0.02763,
    "EffectiveEchoSpacing": 0.0006909035636805814,
    "FlipAngle": 76.1,
    "ImageComments": "PIOP2",
    "ImageOrientationPatientDICOM": [
      0.995316,
      0.0403341,
      -0.0878576,
      -0.0213703,
      0.97812,
      0.206942
    ],
    "Manufacturer": "Philips",
    "NumberOfVolumesDiscardedByScanner": 2,
    "ParallelAcquisitionTechnique": "SENSE",
    "ParallelReductionFactorInPlane": 2,
    "PatientPosition": "HFS",
    "PhaseEncodingDirection": "j",
    "PhilipsRescaleIntercept": 0,
    "PhilipsRescaleSlope": 0.77094,
    "PhilipsScaleSlope": 0.0539866,
    "ProtocolName": "WIPtask-wm_boldSENSE",
    "PulseSequenceType": "gradient echo EPI",
    "ReconMatrixPE": 80,
    "RepetitionTime": 2,
    "SeriesDescription": "ImageMRSERIES",
    "SeriesNumber": 3,
    "SliceEncodingDirection": "k",
    "SliceTiming": [
      0.0,
      0.0556,
      0.1111,
      0.1667,
      0.2222,
      0.2778,
      0.3333,
      0.3889,
      0.4444,
      0.5,
      0.5556,
      0.6111,
      0.6667,
      0.7222,
      0.7778,
      0.8333,
      0.8889,
      0.9444,
      1.0,
      1.0556,
      1.1111,
      1.1667,
      1.2222,
      1.2778,
      1.3333,
      1.3889,
      1.4444,
      1.5,
      1.5556,
      1.6111,
      1.6667,
      1.7222,
      1.7778,
      1.8333,
      1.8889,
      1.9444
    ],
    "TaskName": "workingmemory",
    "TotalReadoutTime": 0.026945238983542674,
    "UsePhilipsFloatNotDisplayScaling": 1,
    "WaterFatShift": 12,
    "acq_id": "seq",
    "dataset": "ds002790",
    "modality": "bold",
    "subject_id": "0046",
    "task_id": "workingmemory"
  },
  "dummy_trs": 0,
  "dvars_nstd": 23.874823624088062,
  "dvars_std": 1.4492336859119503,
  "dvars_vstd": 1.0082126931446544,
  "efc": 0.46123948827418354,
  "fber": 169083.640625,
  "fd_mean": 0.08676507077838025,
  "fd_num": 3,
  "fd_perc": 1.875,
  "fwhm_avg": 2.12893202992455,
  "fwhm_x": 2.0480633333333333,
  "fwhm_y": 2.32016,
  "fwhm_z": 2.018572756440318,
  "gcor": 0.0187014,
  "gsr_x": -0.022686174139380455,
  "gsr_y": 0.023732591420412064,
  "provenance": {
    "md5sum": "b7a4e2a2704fa38251543992fe6540e1",
    "settings": {
      "fd_thres": 0.2,
      "testing": false
    },
    "software": "mriqc",
    "version": "22.0.0rc1",
    "webapi_port": null,
    "webapi_url": "https://mriqc.nimh.nih.gov/api/v1"
  },
  "size_t": 160,
  "size_x": 80,
  "size_y": 80,
  "size_z": 36,
  "snr": 4.792536529014089,
  "spacing_tr": 2.0,
  "spacing_x": 3.0,
  "spacing_y": 3.0,
  "spacing_z": 3.299999952316284,
  "summary_bg_k": 36.927473058424,
  "summary_bg_mad": 71.31688022870722,
  "summary_bg_mean": 724.8245239257812,
  "summary_bg_median": 63.266178131103516,
  "summary_bg_n": 148194.0,
  "summary_bg_p05": 4.639914703369142,
  "summary_bg_p95": 4091.0869262695346,
  "summary_bg_stdv": 1958.1148681640625,
  "summary_fg_k": 1.1878404982474384,
  "summary_fg_mad": 4995.914850292969,
  "summary_fg_mean": 27171.6328125,
  "summary_fg_median": 26452.587890625,
  "summary_fg_n": 41257.0,
  "summary_fg_p05": 19396.6953125,
  "summary_fg_p95": 37031.755468749994,
  "summary_fg_stdv": 5519.47119140625,
  "tsnr": 77.18301391601562
}