{
  "aor": 0.0030324375,
  "aqi": 0.0047042314375,
  "bids_meta": {
    "AcquisitionNumber": 3,
    "BidsifyVersion": "0.3.5",
    "ConversionSoftware": "dcm2niix",
    "ConversionSoftwareVersion": "v1.0.20181125  GCC6.3.0",
    "EchoTime": 0.02763,
    "EffectiveEchoSpacing": 0.0006909035636805814,
    "FlipAngle": 76.1,
    "ImageComments": "PIOP2",
    "ImageOrientationPatientDICOM": [
      0.997086,
      0.0177221,
      -0.0742017,
      -0.00817932,
      0.991871,
      0.126985
    ],
    "Manufacturer": "Philips",
    "NumberOfVolumesDiscardedByScanner": 2,
    "ParallelAcquisitionTechnique": "SENSE",
    "ParallelReductionFactorInPlane": 2,
    "PatientPosition": "HFS",
    "PhaseEncodingDirection": "j",
    "PhilipsRescaleIntercept": 0,
    "PhilipsRescaleSlope": 0.79634,
    "PhilipsScaleSlope": 0.0507987,
    "ProtocolName": "WIPtask-wm_boldSENSE",
    "PulseSequenceType": "gradient echo EPI",
    "ReconMatrixPE": 80,
    "RepetitionTime": 2,
    "SeriesDescription": "ImageMRSERIES",
    "SeriesNumber": 3,
    "SliceEncodingDirection": "k",
    "SliceTiming": [
      0.0,
      0.0556,
      0.1111,
      0.1667,
      0.2222,
      0.2778,
      0.3333,
      0.3889,
      0.4444,
      0.5,
      0.5556,
      0.6111,
      0.6667,
      0.7222,
      0.7778,
      0.8333,
      0.8889,
      0.9444,
      1.0,
      1.0556,
      1.1111,
      1.1667,
      1.2222,
      1.2778,
      1.3333,
      1.3889,
      1.4444,
      1.5,
      1.5556,
      1.6111,
      1.6667,
      1.7222,
      1.7778,
      1.8333,
      1.8889,
      1.9444
    ],
    "TaskName": "workingmemory",
    "TotalReadoutTime": 0.026945238983542674,
    "UsePhilipsFloatNotDisplayScaling": 1,
    "WaterFatShift": 12,
    "acq_id": "seq",
    "dataset": "ds002790",
    "modality": "bold",
    "subject_id": "0114",
    "task_id": "workingmemory"
  },
  "dummy_trs": 0,
  "dvars_nstd": 22.00077145679246,
  "dvars_std": 1.3512664907547165,
  "dvars_vstd": 1.0252413674213838,
  "efc": 0.4453384751378915,
  "fber": 271389.65625,
  "fd_mean": 0.10564043075864156,
  "fd_num": 9,
  "fd_perc": 5.625,
  "fwhm_avg": 1.9135202106831963,
  "fwhm_x": 1.9117666666666666,
  "fwhm_y": 2.0302000000000002,
  "fwhm_z": 1.7985939653829224,
  "gcor": 0.0567575,
  "gsr_x": -0.013053709641098976,
  "gsr_y": 0.013599170371890068,
  "provenance": {
    "md5sum": "104cbb39bef663e0f824148b54d61eef",
    "settings": {
      "fd_thres": 0.2,
      "testing": false
    },
    "software": "mriqc",
    "version": "22.0.0rc1",
    "webapi_port": null,
    "webapi_url": "https://mriqc.nimh.nih.gov/api/v1"
  },
  "size_t": 160,
  "size_x": 80,
  "size_y": 80,
  "size_z": 36,
  "snr": 6.130637866533358,
  "spacing_tr": 2.0,
  "spacing_x": 3.0,
  "spacing_y": 3.0,
  "spacing_z": 3.299999952316284,
  "summary_bg_k": 86.30768502968142,
  "summary_bg_mad": 57.29568939094291,
  "summary_bg_mean": 500.1460876464844,
  "summary_bg_median": 51.85072708129883,
  "summary_bg_n": 149102.0,
  "summary_bg_p05": 3.502989077568054,
  "summary_bg_p95": 2465.956652832024,
  "summary_bg_stdv": 1591.7879638671875,
  "summary_fg_k": 1.2293651941310157,
  "summary_fg_mad": 4354.084187930571,
  "summary_fg_mean": 28318.41796875,
  "summary_fg_median": 27923.083984375,
  "summary_fg_n": 39727.0,
  "summary_fg_p05": 21599.8357421875,
  "summary_fg_p95": 35892.316796875,
  "summary_fg_stdv": 4554.62109375,
  "tsnr": 87.51478576660156
}