{
  "aor": 0.0024570625,
  "aqi": 0.004291414,
  "bids_meta": {
    "AcquisitionNumber": 3,
    "BidsifyVersion": "0.3.5",
    "ConversionSoftware": "dcm2niix",
    "ConversionSoftwareVersion": "v1.0.20181125  GCC6.3.0",
    "EchoTime": 0.02763,
    "EffectiveEchoSpacing": 0.0006909035636805814,
    "FlipAngle": 76.1,
    "ImageComments": "PIOP2",
    "ImageOrientationPatientDICOM": [
      0.998477,
      0.0505754,
      0.0220284,
      -0.0525027,
      0.993788,
      0.0981247
    ],
    "Manufacturer": "Philips",
    "NumberOfVolumesDiscardedByScanner": 2,
    "ParallelAcquisitionTechnique": "SENSE",
    "ParallelReductionFactorInPlane": 2,
    "PatientPosition": "HFS",
    "PhaseEncodingDirection": "j",
    "PhilipsRescaleIntercept": 0,
    "PhilipsRescaleSlope": 0.79292,
    "PhilipsScaleSlope": 0.0590128,
    "ProtocolName": "WIPtask-wm_boldSENSE",
    "PulseSequenceType": "gradient echo EPI",
    "ReconMatrixPE": 80,
    "RepetitionTime": 2,
    "SeriesDescription": "ImageMRSERIES",
    "SeriesNumber": 3,
    "SliceEncodingDirection": "k",
    "SliceTiming": [
      0.0,
      0.0556,
      0.1111,
      0.1667,
      0.2222,
      0.2778,
      0.3333,
      0.3889,
      0.4444,
      0.5,
      0.5556,
      0.6111,
      0.6667,
      0.7222,
      0.7778,
      0.8333,
      0.8889,
      0.9444,
      1.0,
      1.0556,
      1.1111,
      1.1667,
      1.2222,
      1.2778,
      1.3333,
      1.3889,
      1.4444,
      1.5,
      1.5556,
      1.6111,
      1.6667,
      1.7222,
      1.7778,
      1.8333,
      1.8889,
      1.9444
    ],
    "TaskName": "workingmemory",
    "TotalReadoutTime": 0.026945238983542674,
    "UsePhilipsFloatNotDisplayScaling": 1,
    "WaterFatShift": 12,
    "acq_id": "seq",
    "dataset": "ds002790",
    "modality": "bold",
    "subject_id": "0072",
    "task_id": "workingmemory"
  },
  "dummy_trs": 0,
  "dvars_nstd": 19.469774786163537,
  "dvars_std": 1.3152036885534595,
  "dvars_vstd": 1.0061943262264148,
  "efc": 0.3987566932288466,
  "fber": 296821.6875,
  "fd_mean": 0.12641372715579943,
  "fd_num": 10,
  "fd_perc": 6.25,
  "fwhm_avg": 2.0062615242243678,
  "fwhm_x": 1.98271,
  "fwhm_y": 2.1523866666666667,
  "fwhm_z": 1.883687906006436,
  "gcor": 0.0219295,
  "gsr_x": -0.015273031778633595,
  "gsr_y": 0.014898080378770828,
  "provenance": {
    "md5sum": "b9e9330ac49a8b81f2f2bf80467051e2",
    "settings": {
      "fd_thres": 0.2,
      "testing": false
    },
    "software": "mriqc",
    "version": "22.0.0rc1",
    "webapi_port": null,
    "webapi_url": "https://mriqc.nimh.nih.gov/api/v1"
  },
  "size_t": 160,
  "size_x": 80,
  "size_y": 80,
  "size_z": 36,
  "snr": 5.620390629943015,
  "spacing_tr": 2.0,
  "spacing_x": 3.0,
  "spacing_y": 3.0,
  "spacing_z": 3.299999952316284,
  "summary_bg_k": 110.01548169277889,
  "summary_bg_mad": 48.04211121244762,
  "summary_bg_mean": 432.51861572265625,
  "summary_bg_median": 44.67558288574219,
  "summary_bg_n": 159596.0,
  "summary_bg_p05": 2.8193817138671875,
  "summary_bg_p95": 1988.1174621582031,
  "summary_bg_stdv": 1504.3443603515625,
  "summary_fg_k": 0.6236951550772685,
  "summary_fg_mad": 4395.738939714171,
  "summary_fg_mean": 25130.318359375,
  "summary_fg_median": 24794.70703125,
  "summary_fg_n": 31611.0,
  "summary_fg_p05": 18649.7783203125,
  "summary_fg_p95": 32587.3203125,
  "summary_fg_stdv": 4411.4931640625,
  "tsnr": 97.09180450439453
}