{
  "aor": 0.002186083333333333,
  "aqi": 0.003635341291666667,
  "bids_meta": {
    "AcquisitionNumber": 4,
    "BidsifyVersion": "0.3.5",
    "ConversionSoftware": "dcm2niix",
    "ConversionSoftwareVersion": "v1.0.20181125  GCC6.3.0",
    "EchoTime": 0.02763,
    "EffectiveEchoSpacing": 0.0006909035636805814,
    "FlipAngle": 76.1,
    "ImageComments": "PIOP2",
    "ImageOrientationPatientDICOM": [
      0.998477,
      0.0505754,
      0.0220284,
      -0.0525027,
      0.993788,
      0.0981247
    ],
    "Manufacturer": "Philips",
    "NumberOfVolumesDiscardedByScanner": 2,
    "ParallelAcquisitionTechnique": "SENSE",
    "ParallelReductionFactorInPlane": 2,
    "PatientPosition": "HFS",
    "PhaseEncodingDirection": "j",
    "PhilipsRescaleIntercept": 0,
    "PhilipsRescaleSlope": 0.78803,
    "PhilipsScaleSlope": 0.0604463,
    "ProtocolName": "WIPtask-rest_boldSENSE",
    "PulseSequenceType": "gradient echo EPI",
    "ReconMatrixPE": 80,
    "RepetitionTime": 2,
    "SeriesDescription": "ImageMRSERIES",
    "SeriesNumber": 4,
    "SliceEncodingDirection": "k",
    "SliceTiming": [
      0.0,
      0.0556,
      0.1111,
      0.1667,
      0.2222,
      0.2778,
      0.3333,
      0.3889,
      0.4444,
      0.5,
      0.5556,
      0.6111,
      0.6667,
      0.7222,
      0.7778,
      0.8333,
      0.8889,
      0.9444,
      1.0,
      1.0556,
      1.1111,
      1.1667,
      1.2222,
      1.2778,
      1.3333,
      1.3889,
      1.4444,
      1.5,
      1.5556,
      1.6111,
      1.6667,
      1.7222,
      1.7778,
      1.8333,
      1.8889,
      1.9444
    ],
    "TaskName": "restingstate",
    "TotalReadoutTime": 0.026945238983542674,
    "UsePhilipsFloatNotDisplayScaling": 1,
    "WaterFatShift": 12,
    "acq_id": "seq",
    "dataset": "ds002790",
    "modality": "bold",
    "subject_id": "0072",
    "task_id": "restingstate"
  },
  "dummy_trs": 0,
  "dvars_nstd": 19.317238875397475,
  "dvars_std": 1.338241705355647,
  "dvars_vstd": 1.0087771051046022,
  "efc": 0.3999210791857801,
  "fber": 292611.71875,
  "fd_mean": 0.12895724556090188,
  "fd_num": 23,
  "fd_perc": 9.583333333333334,
  "fwhm_avg": 1.999214655556794,
  "fwhm_x": 1.97253,
  "fwhm_y": 2.13742,
  "fwhm_z": 1.8876939666703827,
  "gcor": 0.0398064,
  "gsr_x": -0.015314859338104725,
  "gsr_y": 0.014761681668460369,
  "provenance": {
    "md5sum": "11fc142221970f634a9e419eb4598198",
    "settings": {
      "fd_thres": 0.2,
      "testing": false
    },
    "software": "mriqc",
    "version": "22.0.0rc1",
    "webapi_port": null,
    "webapi_url": "https://mriqc.nimh.nih.gov/api/v1"
  },
  "size_t": 240,
  "size_x": 80,
  "size_y": 80,
  "size_z": 36,
  "snr": 5.652212972249436,
  "spacing_tr": 2.0,
  "spacing_x": 3.0,
  "spacing_y": 3.0,
  "spacing_z": 3.299999952316284,
  "summary_bg_k": 110.64772230411363,
  "summary_bg_mad": 47.609737409104255,
  "summary_bg_mean": 436.0357971191406,
  "summary_bg_median": 44.32001495361328,
  "summary_bg_n": 159461.0,
  "summary_bg_p05": 2.658475160598755,
  "summary_bg_p95": 2020.8916015625,
  "summary_bg_stdv": 1513.5037841796875,
  "summary_fg_k": 0.5419651935965444,
  "summary_fg_mad": 4321.924460901814,
  "summary_fg_mean": 24708.888671875,
  "summary_fg_median": 24375.185546875,
  "summary_fg_n": 31725.0,
  "summary_fg_p05": 18365.4328125,
  "summary_fg_p95": 31978.96484375,
  "summary_fg_stdv": 4312.43505859375,
  "tsnr": 100.98834991455078
}