{
  "aor": 0.012754518518518517,
  "aqi": 0.006421231407407408,
  "bids_meta": {
    "AcquisitionNumber": 8,
    "BidsifyVersion": "0.3.5",
    "ConversionSoftware": "dcm2niix",
    "ConversionSoftwareVersion": "v1.0.20181125  GCC6.3.0",
    "EchoTime": 0.02763,
    "EffectiveEchoSpacing": 0.0006909035636805814,
    "FlipAngle": 76.1,
    "ImageComments": "PIOP2",
    "ImageOrientationPatientDICOM": [
      0.998477,
      0.0505754,
      0.0220284,
      -0.0525027,
      0.993788,
      0.0981247
    ],
    "Manufacturer": "Philips",
    "NumberOfVolumesDiscardedByScanner": 2,
    "ParallelAcquisitionTechnique": "SENSE",
    "ParallelReductionFactorInPlane": 2,
    "PatientPosition": "HFS",
    "PhaseEncodingDirection": "j",
    "PhilipsRescaleIntercept": 0,
    "PhilipsRescaleSlope": 0.78462,
    "PhilipsScaleSlope": 0.0625785,
    "ProtocolName": "WIPtask-harriri_boldSENSE",
    "PulseSequenceType": "gradient echo EPI",
    "ReconMatrixPE": 80,
    "RepetitionTime": 2,
    "SeriesDescription": "ImageMRSERIES",
    "SeriesNumber": 8,
    "SliceEncodingDirection": "k",
    "SliceTiming": [
      0.0,
      0.0556,
      0.1111,
      0.1667,
      0.2222,
      0.2778,
      0.3333,
      0.3889,
      0.4444,
      0.5,
      0.5556,
      0.6111,
      0.6667,
      0.7222,
      0.7778,
      0.8333,
      0.8889,
      0.9444,
      1.0,
      1.0556,
      1.1111,
      1.1667,
      1.2222,
      1.2778,
      1.3333,
      1.3889,
      1.4444,
      1.5,
      1.5556,
      1.6111,
      1.6667,
      1.7222,
      1.7778,
      1.8333,
      1.8889,
      1.9444
    ],
    "TaskName": "emomatching",
    "TotalReadoutTime": 0.026945238983542674,
    "UsePhilipsFloatNotDisplayScaling": 1,
    "WaterFatShift": 12,
    "acq_id": "seq",
    "dataset": "ds002790",
    "modality": "bold",
    "subject_id": "0072",
    "task_id": "emomatching"
  },
  "dummy_trs": 0,
  "dvars_nstd": 21.948640097388076,
  "dvars_std": 1.430677884104477,
  "dvars_vstd": 1.136989761791045,
  "efc": 0.4021130922862952,
  "fber": 287534.1875,
  "fd_mean": 0.16793089252252674,
  "fd_num": 20,
  "fd_perc": 14.814814814814815,
  "fwhm_avg": 1.983953039363783,
  "fwhm_x": 1.9517,
  "fwhm_y": 2.1189833333333334,
  "fwhm_z": 1.8811757847580157,
  "gcor": 0.0227868,
  "gsr_x": -0.01651354879140854,
  "gsr_y": 0.01610206626355648,
  "provenance": {
    "md5sum": "7a5c933e2fa2f481ac15d4ae796e336e",
    "settings": {
      "fd_thres": 0.2,
      "testing": false
    },
    "software": "mriqc",
    "version": "22.0.0rc1",
    "webapi_port": null,
    "webapi_url": "https://mriqc.nimh.nih.gov/api/v1"
  },
  "size_t": 135,
  "size_x": 80,
  "size_y": 80,
  "size_z": 36,
  "snr": 5.715224059646891,
  "spacing_tr": 2.0,
  "spacing_x": 3.0,
  "spacing_y": 3.0,
  "spacing_z": 3.299999952316284,
  "summary_bg_k": 123.62393812488322,
  "summary_bg_mad": 48.11342931995859,
  "summary_bg_mean": 459.6435852050781,
  "summary_bg_median": 44.41608810424805,
  "summary_bg_n": 159337.0,
  "summary_bg_p05": 2.561882495880127,
  "summary_bg_p95": 2123.028710937497,
  "summary_bg_stdv": 1617.50341796875,
  "summary_fg_k": 0.5547281454831299,
  "summary_fg_mad": 4254.922133884447,
  "summary_fg_mean": 24592.3828125,
  "summary_fg_median": 24297.46875,
  "summary_fg_n": 31764.0,
  "summary_fg_p05": 18362.88515625,
  "summary_fg_p95": 31739.52763671875,
  "summary_fg_stdv": 4251.2919921875,
  "tsnr": 82.47001647949219
}