{
  "aor": 0.007691581196581196,
  "aqi": 0.0050287076495726495,
  "bids_meta": {
    "AcquisitionNumber": 7,
    "BidsifyVersion": "0.3.5",
    "ConversionSoftware": "dcm2niix",
    "ConversionSoftwareVersion": "v1.0.20181125  GCC6.3.0",
    "EchoTime": 0.02763,
    "EffectiveEchoSpacing": 0.0006909035636805814,
    "FlipAngle": 76.1,
    "ImageComments": "PIOP2",
    "ImageOrientationPatientDICOM": [
      0.998477,
      0.0505754,
      0.0220284,
      -0.0525027,
      0.993788,
      0.0981247
    ],
    "Manufacturer": "Philips",
    "NumberOfVolumesDiscardedByScanner": 2,
    "ParallelAcquisitionTechnique": "SENSE",
    "ParallelReductionFactorInPlane": 2,
    "PatientPosition": "HFS",
    "PhaseEncodingDirection": "j",
    "PhilipsRescaleIntercept": 0,
    "PhilipsRescaleSlope": 0.76703,
    "PhilipsScaleSlope": 0.0622519,
    "ProtocolName": "WIPtask-stop_boldSENSE",
    "PulseSequenceType": "gradient echo EPI",
    "ReconMatrixPE": 80,
    "RepetitionTime": 2,
    "SeriesDescription": "ImageMRSERIES",
    "SeriesNumber": 7,
    "SliceEncodingDirection": "k",
    "SliceTiming": [
      0.0,
      0.0556,
      0.1111,
      0.1667,
      0.2222,
      0.2778,
      0.3333,
      0.3889,
      0.4444,
      0.5,
      0.5556,
      0.6111,
      0.6667,
      0.7222,
      0.7778,
      0.8333,
      0.8889,
      0.9444,
      1.0,
      1.0556,
      1.1111,
      1.1667,
      1.2222,
      1.2778,
      1.3333,
      1.3889,
      1.4444,
      1.5,
      1.5556,
      1.6111,
      1.6667,
      1.7222,
      1.7778,
      1.8333,
      1.8889,
      1.9444
    ],
    "TaskName": "stopsignal",
    "TotalReadoutTime": 0.026945238983542674,
    "UsePhilipsFloatNotDisplayScaling": 1,
    "WaterFatShift": 12,
    "acq_id": "seq",
    "dataset": "ds002790",
    "modality": "bold",
    "subject_id": "0072",
    "task_id": "stopsignal"
  },
  "dummy_trs": 0,
  "dvars_nstd": 19.925101620042913,
  "dvars_std": 1.403287207253219,
  "dvars_vstd": 1.077121357896996,
  "efc": 0.4012466510573661,
  "fber": 288817.5,
  "fd_mean": 0.11850390826216704,
  "fd_num": 9,
  "fd_perc": 3.8461538461538463,
  "fwhm_avg": 1.9972896050446065,
  "fwhm_x": 1.9654433333333332,
  "fwhm_y": 2.140213333333333,
  "fwhm_z": 1.8862121484671528,
  "gcor": 0.0340425,
  "gsr_x": -0.015800759196281433,
  "gsr_y": 0.015233958140015602,
  "provenance": {
    "md5sum": "a67b6cb909ecbe28d677ef169c600749",
    "settings": {
      "fd_thres": 0.2,
      "testing": false
    },
    "software": "mriqc",
    "version": "22.0.0rc1",
    "webapi_port": null,
    "webapi_url": "https://mriqc.nimh.nih.gov/api/v1"
  },
  "size_t": 234,
  "size_x": 80,
  "size_y": 80,
  "size_z": 36,
  "snr": 5.674965082993086,
  "spacing_tr": 2.0,
  "spacing_x": 3.0,
  "spacing_y": 3.0,
  "spacing_z": 3.299999952316284,
  "summary_bg_k": 107.25847060562872,
  "summary_bg_mad": 48.16738661495819,
  "summary_bg_mean": 450.4335021972656,
  "summary_bg_median": 44.818359375,
  "summary_bg_n": 159346.0,
  "summary_bg_p05": 2.6165292263031006,
  "summary_bg_p95": 2101.3177490234375,
  "summary_bg_stdv": 1555.908447265625,
  "summary_fg_k": 0.5248565405524368,
  "summary_fg_mad": 4332.713866890393,
  "summary_fg_mean": 24830.1640625,
  "summary_fg_median": 24507.94921875,
  "summary_fg_n": 31805.0,
  "summary_fg_p05": 18487.947265625,
  "summary_fg_p95": 32122.731640625,
  "summary_fg_stdv": 4318.5400390625,
  "tsnr": 99.16128540039062
}