{
  "aor": 0.0018929166666666664,
  "aqi": 0.005272011666666666,
  "bids_meta": {
    "AcquisitionNumber": 7,
    "BidsifyVersion": "0.3.5",
    "ConversionSoftware": "dcm2niix",
    "ConversionSoftwareVersion": "v1.0.20181125  GCC6.3.0",
    "EchoTime": 0.02763,
    "EffectiveEchoSpacing": 0.0006909035636805814,
    "FlipAngle": 76.1,
    "ImageComments": "PIOP2",
    "ImageOrientationPatientDICOM": [
      0.999122,
      -0.0400183,
      0.012396,
      0.0406529,
      0.997599,
      -0.0560609
    ],
    "Manufacturer": "Philips",
    "NumberOfVolumesDiscardedByScanner": 2,
    "ParallelAcquisitionTechnique": "SENSE",
    "ParallelReductionFactorInPlane": 2,
    "PatientPosition": "HFS",
    "PhaseEncodingDirection": "j",
    "PhilipsRescaleIntercept": 0,
    "PhilipsRescaleSlope": 0.75385,
    "PhilipsScaleSlope": 0.055926,
    "ProtocolName": "WIPtask-stop_boldSENSE",
    "PulseSequenceType": "gradient echo EPI",
    "ReconMatrixPE": 80,
    "RepetitionTime": 2,
    "SeriesDescription": "ImageMRSERIES",
    "SeriesNumber": 7,
    "SliceEncodingDirection": "k",
    "SliceTiming": [
      0.0,
      0.0556,
      0.1111,
      0.1667,
      0.2222,
      0.2778,
      0.3333,
      0.3889,
      0.4444,
      0.5,
      0.5556,
      0.6111,
      0.6667,
      0.7222,
      0.7778,
      0.8333,
      0.8889,
      0.9444,
      1.0,
      1.0556,
      1.1111,
      1.1667,
      1.2222,
      1.2778,
      1.3333,
      1.3889,
      1.4444,
      1.5,
      1.5556,
      1.6111,
      1.6667,
      1.7222,
      1.7778,
      1.8333,
      1.8889,
      1.9444
    ],
    "TaskName": "stopsignal",
    "TotalReadoutTime": 0.026945238983542674,
    "UsePhilipsFloatNotDisplayScaling": 1,
    "WaterFatShift": 12,
    "acq_id": "seq",
    "dataset": "ds002790",
    "modality": "bold",
    "subject_id": "0071",
    "task_id": "stopsignal"
  },
  "dummy_trs": 0,
  "dvars_nstd": 14.766630887255817,
  "dvars_std": 1.0945522580465117,
  "dvars_vstd": 0.975347390372093,
  "efc": 0.4086048107170781,
  "fber": 230254.09375,
  "fd_mean": 0.10471095203894895,
  "fd_num": 12,
  "fd_perc": 5.555555555555555,
  "fwhm_avg": 1.9052545539958565,
  "fwhm_x": 1.8736899999999999,
  "fwhm_y": 2.0687433333333334,
  "fwhm_z": 1.7733303286542361,
  "gcor": 0.0068805,
  "gsr_x": -0.013717015273869038,
  "gsr_y": 0.013640967197716236,
  "provenance": {
    "md5sum": "e0432895616c93c0ddc65cc0d34120c5",
    "settings": {
      "fd_thres": 0.2,
      "testing": false
    },
    "software": "mriqc",
    "version": "22.0.0rc1",
    "webapi_port": null,
    "webapi_url": "https://mriqc.nimh.nih.gov/api/v1"
  },
  "size_t": 216,
  "size_x": 80,
  "size_y": 80,
  "size_z": 36,
  "snr": 5.869972649059666,
  "spacing_tr": 2.0,
  "spacing_x": 3.0,
  "spacing_y": 3.0,
  "spacing_z": 3.299999952316284,
  "summary_bg_k": 64.56547487239092,
  "summary_bg_mad": 61.026129769164605,
  "summary_bg_mean": 521.5267944335938,
  "summary_bg_median": 53.65562057495117,
  "summary_bg_n": 158803.0,
  "summary_bg_p05": 5.705648803710938,
  "summary_bg_p95": 2200.3083984374966,
  "summary_bg_stdv": 1513.9249267578125,
  "summary_fg_k": 2.2492361506123215,
  "summary_fg_mad": 3786.4618205948186,
  "summary_fg_mean": 26293.18359375,
  "summary_fg_median": 25711.05859375,
  "summary_fg_n": 32084.0,
  "summary_fg_p05": 20296.055859375,
  "summary_fg_p95": 33974.7630859375,
  "summary_fg_stdv": 4380.0302734375,
  "tsnr": 91.76966857910156
}