{
  "aor": 0.003514444444444444,
  "aqi": 0.0029883574074074074,
  "bids_meta": {
    "AcquisitionNumber": 8,
    "BidsifyVersion": "0.3.5",
    "ConversionSoftware": "dcm2niix",
    "ConversionSoftwareVersion": "v1.0.20181125  GCC6.3.0",
    "EchoTime": 0.02763,
    "EffectiveEchoSpacing": 0.0006909035636805814,
    "FlipAngle": 76.1,
    "ImageComments": "PIOP2",
    "ImageOrientationPatientDICOM": [
      0.999122,
      -0.0400183,
      0.012396,
      0.0406529,
      0.997599,
      -0.0560609
    ],
    "Manufacturer": "Philips",
    "NumberOfVolumesDiscardedByScanner": 2,
    "ParallelAcquisitionTechnique": "SENSE",
    "ParallelReductionFactorInPlane": 2,
    "PatientPosition": "HFS",
    "PhaseEncodingDirection": "j",
    "PhilipsRescaleIntercept": 0,
    "PhilipsRescaleSlope": 0.76239,
    "PhilipsScaleSlope": 0.0568504,
    "ProtocolName": "WIPtask-harriri_boldSENSE",
    "PulseSequenceType": "gradient echo EPI",
    "ReconMatrixPE": 80,
    "RepetitionTime": 2,
    "SeriesDescription": "ImageMRSERIES",
    "SeriesNumber": 8,
    "SliceEncodingDirection": "k",
    "SliceTiming": [
      0.0,
      0.0556,
      0.1111,
      0.1667,
      0.2222,
      0.2778,
      0.3333,
      0.3889,
      0.4444,
      0.5,
      0.5556,
      0.6111,
      0.6667,
      0.7222,
      0.7778,
      0.8333,
      0.8889,
      0.9444,
      1.0,
      1.0556,
      1.1111,
      1.1667,
      1.2222,
      1.2778,
      1.3333,
      1.3889,
      1.4444,
      1.5,
      1.5556,
      1.6111,
      1.6667,
      1.7222,
      1.7778,
      1.8333,
      1.8889,
      1.9444
    ],
    "TaskName": "emomatching",
    "TotalReadoutTime": 0.026945238983542674,
    "UsePhilipsFloatNotDisplayScaling": 1,
    "WaterFatShift": 12,
    "acq_id": "seq",
    "dataset": "ds002790",
    "modality": "bold",
    "subject_id": "0071",
    "task_id": "emomatching"
  },
  "dummy_trs": 0,
  "dvars_nstd": 15.282599627089548,
  "dvars_std": 1.1919459523134337,
  "dvars_vstd": 1.0296055624626872,
  "efc": 0.4073759174403527,
  "fber": 237318.421875,
  "fd_mean": 0.10425670343313208,
  "fd_num": 4,
  "fd_perc": 2.962962962962963,
  "fwhm_avg": 1.9141313217691007,
  "fwhm_x": 1.8662566666666667,
  "fwhm_y": 2.0827766666666667,
  "fwhm_z": 1.7933606319739694,
  "gcor": 0.0208217,
  "gsr_x": -0.013111070729792118,
  "gsr_y": 0.014093414880335331,
  "provenance": {
    "md5sum": "27e128b0fc0a1983a6d5b7ebf47ac88b",
    "settings": {
      "fd_thres": 0.2,
      "testing": false
    },
    "software": "mriqc",
    "version": "22.0.0rc1",
    "webapi_port": null,
    "webapi_url": "https://mriqc.nimh.nih.gov/api/v1"
  },
  "size_t": 135,
  "size_x": 80,
  "size_y": 80,
  "size_z": 36,
  "snr": 5.922902066865194,
  "spacing_tr": 2.0,
  "spacing_x": 3.0,
  "spacing_y": 3.0,
  "spacing_z": 3.299999952316284,
  "summary_bg_k": 64.09779860865608,
  "summary_bg_mad": 58.49639067082731,
  "summary_bg_mean": 508.2342529296875,
  "summary_bg_median": 52.01899337768555,
  "summary_bg_n": 158974.0,
  "summary_bg_p05": 5.639662289619446,
  "summary_bg_p95": 2154.9810668945324,
  "summary_bg_stdv": 1474.0765380859375,
  "summary_fg_k": 2.2899670614262257,
  "summary_fg_mad": 3682.3205975746323,
  "summary_fg_mean": 25887.642578125,
  "summary_fg_median": 25317.453125,
  "summary_fg_n": 31985.0,
  "summary_fg_p05": 20045.63515625,
  "summary_fg_p95": 33384.91953125,
  "summary_fg_stdv": 4274.4345703125,
  "tsnr": 106.64421081542969
}