{
  "aor": 0.0015625833333333331,
  "aqi": 0.003350571375,
  "bids_meta": {
    "AcquisitionNumber": 4,
    "BidsifyVersion": "0.3.5",
    "ConversionSoftware": "dcm2niix",
    "ConversionSoftwareVersion": "v1.0.20181125  GCC6.3.0",
    "EchoTime": 0.02763,
    "EffectiveEchoSpacing": 0.0006909035636805814,
    "FlipAngle": 76.1,
    "ImageComments": "PIOP2",
    "ImageOrientationPatientDICOM": [
      0.999122,
      -0.0400183,
      0.012396,
      0.0406529,
      0.997599,
      -0.0560609
    ],
    "Manufacturer": "Philips",
    "NumberOfVolumesDiscardedByScanner": 2,
    "ParallelAcquisitionTechnique": "SENSE",
    "ParallelReductionFactorInPlane": 2,
    "PatientPosition": "HFS",
    "PhaseEncodingDirection": "j",
    "PhilipsRescaleIntercept": 0,
    "PhilipsRescaleSlope": 0.73968,
    "PhilipsScaleSlope": 0.0561182,
    "ProtocolName": "WIPtask-rest_boldSENSE",
    "PulseSequenceType": "gradient echo EPI",
    "ReconMatrixPE": 80,
    "RepetitionTime": 2,
    "SeriesDescription": "ImageMRSERIES",
    "SeriesNumber": 4,
    "SliceEncodingDirection": "k",
    "SliceTiming": [
      0.0,
      0.0556,
      0.1111,
      0.1667,
      0.2222,
      0.2778,
      0.3333,
      0.3889,
      0.4444,
      0.5,
      0.5556,
      0.6111,
      0.6667,
      0.7222,
      0.7778,
      0.8333,
      0.8889,
      0.9444,
      1.0,
      1.0556,
      1.1111,
      1.1667,
      1.2222,
      1.2778,
      1.3333,
      1.3889,
      1.4444,
      1.5,
      1.5556,
      1.6111,
      1.6667,
      1.7222,
      1.7778,
      1.8333,
      1.8889,
      1.9444
    ],
    "TaskName": "restingstate",
    "TotalReadoutTime": 0.026945238983542674,
    "UsePhilipsFloatNotDisplayScaling": 1,
    "WaterFatShift": 12,
    "acq_id": "seq",
    "dataset": "ds002790",
    "modality": "bold",
    "subject_id": "0071",
    "task_id": "restingstate"
  },
  "dummy_trs": 0,
  "dvars_nstd": 15.812368313347276,
  "dvars_std": 1.1493435223012558,
  "dvars_vstd": 0.988685401004184,
  "efc": 0.4086881017774991,
  "fber": 238715.5625,
  "fd_mean": 0.13029233859339537,
  "fd_num": 45,
  "fd_perc": 18.75,
  "fwhm_avg": 1.9057446550984203,
  "fwhm_x": 1.86167,
  "fwhm_y": 2.0630366666666666,
  "fwhm_z": 1.7925272986285945,
  "gcor": 0.0261834,
  "gsr_x": -0.013362911529839039,
  "gsr_y": 0.012614689767360687,
  "provenance": {
    "md5sum": "4d3ea45b9dfa396e1eae94d095a9ceba",
    "settings": {
      "fd_thres": 0.2,
      "testing": false
    },
    "software": "mriqc",
    "version": "22.0.0rc1",
    "webapi_port": null,
    "webapi_url": "https://mriqc.nimh.nih.gov/api/v1"
  },
  "size_t": 240,
  "size_x": 80,
  "size_y": 80,
  "size_z": 36,
  "snr": 5.905973427202886,
  "spacing_tr": 2.0,
  "spacing_x": 3.0,
  "spacing_y": 3.0,
  "spacing_z": 3.299999952316284,
  "summary_bg_k": 64.18854952693317,
  "summary_bg_mad": 57.57570910946016,
  "summary_bg_mean": 514.73583984375,
  "summary_bg_median": 52.17570495605469,
  "summary_bg_n": 158689.0,
  "summary_bg_p05": 6.193600368499756,
  "summary_bg_p95": 2133.9764648437504,
  "summary_bg_stdv": 1505.8343505859375,
  "summary_fg_k": 2.3166769524836104,
  "summary_fg_mad": 3746.3200759580336,
  "summary_fg_mean": 26138.60546875,
  "summary_fg_median": 25562.86328125,
  "summary_fg_n": 32176.0,
  "summary_fg_p05": 20206.45947265625,
  "summary_fg_p95": 33705.6875,
  "summary_fg_stdv": 4328.2392578125,
  "tsnr": 100.39579010009766
}