{
  "aor": 0.0022951250000000003,
  "aqi": 0.00609704975,
  "bids_meta": {
    "AcquisitionNumber": 4,
    "BidsifyVersion": "0.3.5",
    "ConversionSoftware": "dcm2niix",
    "ConversionSoftwareVersion": "v1.0.20181125  GCC6.3.0",
    "EchoTime": 0.02763,
    "EffectiveEchoSpacing": 0.0006909035636805814,
    "FlipAngle": 76.1,
    "ImageComments": "PIOP2",
    "ImageOrientationPatientDICOM": [
      0.998141,
      -0.0609427,
      0.000664532,
      0.0608741,
      0.996367,
      -0.0595506
    ],
    "Manufacturer": "Philips",
    "NumberOfVolumesDiscardedByScanner": 2,
    "ParallelAcquisitionTechnique": "SENSE",
    "ParallelReductionFactorInPlane": 2,
    "PatientPosition": "HFS",
    "PhaseEncodingDirection": "j",
    "PhilipsRescaleIntercept": 0,
    "PhilipsRescaleSlope": 0.75556,
    "PhilipsScaleSlope": 0.0496557,
    "ProtocolName": "WIPtask-rest_boldSENSE",
    "PulseSequenceType": "gradient echo EPI",
    "ReconMatrixPE": 80,
    "RepetitionTime": 2,
    "SeriesDescription": "ImageMRSERIES",
    "SeriesNumber": 4,
    "SliceEncodingDirection": "k",
    "SliceTiming": [
      0.0,
      0.0556,
      0.1111,
      0.1667,
      0.2222,
      0.2778,
      0.3333,
      0.3889,
      0.4444,
      0.5,
      0.5556,
      0.6111,
      0.6667,
      0.7222,
      0.7778,
      0.8333,
      0.8889,
      0.9444,
      1.0,
      1.0556,
      1.1111,
      1.1667,
      1.2222,
      1.2778,
      1.3333,
      1.3889,
      1.4444,
      1.5,
      1.5556,
      1.6111,
      1.6667,
      1.7222,
      1.7778,
      1.8333,
      1.8889,
      1.9444
    ],
    "TaskName": "restingstate",
    "TotalReadoutTime": 0.026945238983542674,
    "UsePhilipsFloatNotDisplayScaling": 1,
    "WaterFatShift": 12,
    "acq_id": "seq",
    "dataset": "ds002790",
    "modality": "bold",
    "subject_id": "0165",
    "task_id": "restingstate"
  },
  "dummy_trs": 0,
  "dvars_nstd": 17.91056642933055,
  "dvars_std": 1.1405127831380752,
  "dvars_vstd": 0.973473346150628,
  "efc": 0.4223640243051069,
  "fber": 242139.6875,
  "fd_mean": 0.15201964453831937,
  "fd_num": 42,
  "fd_perc": 17.5,
  "fwhm_avg": 2.0628572820715885,
  "fwhm_x": 1.9970566666666667,
  "fwhm_y": 2.251466666666667,
  "fwhm_z": 1.940048512881431,
  "gcor": 0.0261039,
  "gsr_x": -0.01972644403576851,
  "gsr_y": 0.01651306264102459,
  "provenance": {
    "md5sum": "a95ffdb39b874ca435b29f5ae6e175e2",
    "settings": {
      "fd_thres": 0.2,
      "testing": false
    },
    "software": "mriqc",
    "version": "22.0.0rc1",
    "webapi_port": null,
    "webapi_url": "https://mriqc.nimh.nih.gov/api/v1"
  },
  "size_t": 240,
  "size_x": 80,
  "size_y": 80,
  "size_z": 36,
  "snr": 5.281689491680595,
  "spacing_tr": 2.0,
  "spacing_x": 3.0,
  "spacing_y": 3.0,
  "spacing_z": 3.299999952316284,
  "summary_bg_k": 105.64858592677625,
  "summary_bg_mad": 59.80019073035837,
  "summary_bg_mean": 607.1133422851562,
  "summary_bg_median": 56.223121643066406,
  "summary_bg_n": 155303.0,
  "summary_bg_p05": 4.80103063583374,
  "summary_bg_p95": 2880.6726806640613,
  "summary_bg_stdv": 1951.916015625,
  "summary_fg_k": 1.797274381680026,
  "summary_fg_mad": 4893.201211049586,
  "summary_fg_mean": 29365.630859375,
  "summary_fg_median": 28631.607421875,
  "summary_fg_n": 34747.0,
  "summary_fg_p05": 22138.0126953125,
  "summary_fg_p95": 38979.98242187499,
  "summary_fg_stdv": 5420.84033203125,
  "tsnr": 77.22265625
}