{
  "aor": 0.0035698124999999996,
  "aqi": 0.003466158625,
  "bids_meta": {
    "AcquisitionNumber": 3,
    "BidsifyVersion": "0.3.5",
    "ConversionSoftware": "dcm2niix",
    "ConversionSoftwareVersion": "v1.0.20181125  GCC6.3.0",
    "EchoTime": 0.02763,
    "FlipAngle": 76.1,
    "ImageComments": "PIOP2",
    "ImageOrientationPatientDICOM": [
      0.997243,
      0.0107456,
      -0.0734252,
      -0.00382916,
      0.995593,
      0.0936959
    ],
    "Manufacturer": "Philips",
    "NumberOfVolumesDiscardedByScanner": 2,
    "ParallelAcquisitionTechnique": "SENSE",
    "ParallelReductionFactorInPlane": 2,
    "PatientPosition": "HFS",
    "PhaseEncodingDirection": "j",
    "PhilipsRescaleIntercept": 0,
    "PhilipsRescaleSlope": 0.76239,
    "PhilipsScaleSlope": 0.0611868,
    "ProtocolName": "WIPtask-wm_boldSENSE",
    "PulseSequenceType": "gradient echo EPI",
    "ReconMatrixPE": 80,
    "RepetitionTime": 2,
    "SeriesDescription": "ImageMRSERIES",
    "SeriesNumber": 3,
    "SliceEncodingDirection": "k",
    "TaskName": "workingmemory",
    "UsePhilipsFloatNotDisplayScaling": 1,
    "WaterFatShift": 12,
    "acq_id": "seq",
    "dataset": "ds002790",
    "modality": "bold",
    "subject_id": "0201",
    "task_id": "workingmemory"
  },
  "dummy_trs": 0,
  "dvars_nstd": 16.872309630943402,
  "dvars_std": 1.2307461875471695,
  "dvars_vstd": 1.0302184413207545,
  "efc": 0.4382425051911268,
  "fber": 245776.859375,
  "fd_mean": 0.09897673306018262,
  "fd_num": 11,
  "fd_perc": 6.875,
  "fwhm_avg": 2.030162332306825,
  "fwhm_x": 1.9652533333333333,
  "fwhm_y": 2.2412033333333334,
  "fwhm_z": 1.8840303302538082,
  "gcor": 0.06179,
  "gsr_x": -0.010005983524024487,
  "gsr_y": 0.011290142312645912,
  "provenance": {
    "md5sum": "e2324e0a68e26b63030242ce5cae018d",
    "settings": {
      "fd_thres": 0.2,
      "testing": false
    },
    "software": "mriqc",
    "version": "23.0.1",
    "webapi_port": null,
    "webapi_url": "https://mriqc.nimh.nih.gov/api/v1"
  },
  "size_t": 160,
  "size_x": 80,
  "size_y": 80,
  "size_z": 36,
  "snr": 5.793176284842916,
  "spacing_tr": 2.0,
  "spacing_x": 3.0,
  "spacing_y": 3.0,
  "spacing_z": 3.299999952316284,
  "summary_bg_k": 53.02686131968224,
  "summary_bg_mad": 48.820056877457,
  "summary_bg_mean": 496.99700927734375,
  "summary_bg_median": 45.361324310302734,
  "summary_bg_n": 152023.0,
  "summary_bg_p05": 4.230832481384278,
  "summary_bg_p95": 2530.120117187499,
  "summary_bg_stdv": 1520.783447265625,
  "summary_fg_k": 2.9391547417475037,
  "summary_fg_mad": 3512.003772016343,
  "summary_fg_mean": 23470.54296875,
  "summary_fg_median": 22966.650390625,
  "summary_fg_n": 37709.0,
  "summary_fg_p05": 18197.865234375,
  "summary_fg_p95": 30079.97109375,
  "summary_fg_stdv": 3964.37890625,
  "tsnr": 99.98767852783203
}