{
  "bids_meta": {
    "AcquisitionNumber": 2,
    "BidsifyVersion": "0.3.5",
    "ConversionSoftware": "dcm2niix",
    "ConversionSoftwareVersion": "v1.0.20181125  GCC6.3.0",
    "EchoTime": 0.00383,
    "ImageComments": "PIOP2",
    "ImageOrientationPatientDICOM": [
      0.994129,
      -0.0993881,
      -0.0427718,
      0.103435,
      0.988966,
      0.106051
    ],
    "Manufacturer": "Philips",
    "NumberSignalAcquisitions": 2,
    "PatientPosition": "HFS",
    "PhilipsRescaleIntercept": 0,
    "PhilipsRescaleSlope": 8.84689,
    "PhilipsScaleSlope": 0.00670891,
    "ProtocolName": "WIPT1anat_acq-6m_T1wSENSE",
    "ReconMatrixPE": 240,
    "RepetitionTime": 0.008299,
    "SeriesDescription": "ImageMRSERIES",
    "SeriesNumber": 2,
    "UsePhilipsFloatNotDisplayScaling": 1,
    "dataset": "ds002790",
    "modality": "T1w",
    "subject_id": "0087"
  },
  "cjv": 0.25665757412645895,
  "cnr": 4.636164666387706,
  "efc": 0.7871877627467491,
  "fber": 1658.6080322265625,
  "fwhm_avg": 4.586252973096811,
  "fwhm_x": 4.31574948552257,
  "fwhm_y": 4.69311,
  "fwhm_z": 4.7498994337678635,
  "icvs_csf": 0.2703607550997067,
  "icvs_gm": 0.3818872725430207,
  "icvs_wm": 0.3477519723572726,
  "inu_med": 2.1766912937164307,
  "inu_range": 0.6007239103317259,
  "provenance": {
    "md5sum": "4fffc041dd052f50b016963716412519",
    "settings": {
      "testing": false
    },
    "software": "mriqc",
    "version": "22.0.0rc1",
    "warnings": {
      "large_rot_frame": true,
      "small_air_mask": true
    },
    "webapi_port": null,
    "webapi_url": "https://mriqc.nimh.nih.gov/api/v1"
  },
  "qi_1": 0.0,
  "qi_2": 0.00011664854000840428,
  "rpve_csf": 23.506886551740934,
  "rpve_gm": 15.57008941214044,
  "rpve_wm": 22.85626996703739,
  "size_x": 240,
  "size_y": 240,
  "size_z": 220,
  "snr_csf": 3.7164169364298814,
  "snr_gm": 9.363894715011483,
  "snr_total": 12.995934895212523,
  "snr_wm": 25.90749303419621,
  "snrd_csf": 26.73415502106489,
  "snrd_gm": 46.63967600008029,
  "snrd_total": 48.93242980252518,
  "snrd_wm": 73.42345838643035,
  "spacing_x": 1.0000001192092896,
  "spacing_y": 1.0,
  "spacing_z": 1.0000001192092896,
  "summary_bg_k": 111.05151633168079,
  "summary_bg_mad": 8.922675026313275,
  "summary_bg_mean": 11.271902084350586,
  "summary_bg_median": 12.23325252532959,
  "summary_bg_n": 164519.0,
  "summary_bg_p05": 0.0,
  "summary_bg_p95": 24.964591217041015,
  "summary_bg_stdv": 9.973883628845215,
  "summary_csf_k": 0.0812973698603372,
  "summary_csf_mad": 93.45180942976829,
  "summary_csf_mean": 347.1095886230469,
  "summary_csf_median": 364.107666015625,
  "summary_csf_n": 19875.0,
  "summary_csf_p05": 155.68204345703126,
  "summary_csf_p95": 476.9413116455078,
  "summary_csf_stdv": 97.97030639648438,
  "summary_gm_k": 0.8654097281930793,
  "summary_gm_mad": 60.73773540451755,
  "summary_gm_mean": 639.7416381835938,
  "summary_gm_median": 635.2122802734375,
  "summary_gm_n": 21598.0,
  "summary_gm_p05": 535.7985107421875,
  "summary_gm_p95": 759.3528167724609,
  "summary_gm_stdv": 67.83476257324219,
  "summary_wm_k": 2.2309147855053046,
  "summary_wm_mad": 32.88673058243511,
  "summary_wm_mean": 996.3449096679688,
  "summary_wm_median": 999.995849609375,
  "summary_wm_n": 197391.0,
  "summary_wm_p05": 926.0260314941406,
  "summary_wm_p95": 1050.7470703125,
  "summary_wm_stdv": 38.59861373901367,
  "tpm_overlap_csf": 0.1630638688802719,
  "tpm_overlap_gm": 0.4451640844345093,
  "tpm_overlap_wm": 0.5160645842552185,
  "wm2max": 0.7707473422549603
}