{
  "bids_meta": {
    "AcquisitionNumber": 2,
    "BidsifyVersion": "0.3.5",
    "ConversionSoftware": "dcm2niix",
    "ConversionSoftwareVersion": "v1.0.20181125  GCC6.3.0",
    "EchoTime": 0.00377,
    "ImageComments": "PIOP2",
    "ImageOrientationPatientDICOM": [
      0.997825,
      0.0587757,
      -0.0298342,
      -0.0566606,
      0.996117,
      0.067377
    ],
    "Manufacturer": "Philips",
    "NumberSignalAcquisitions": 2,
    "PatientPosition": "HFS",
    "PhilipsRescaleIntercept": 0,
    "PhilipsRescaleSlope": 8.93773,
    "PhilipsScaleSlope": 0.00707905,
    "ProtocolName": "WIPT1anat_acq-6m_T1wSENSE",
    "ReconMatrixPE": 240,
    "RepetitionTime": 0.008208,
    "SeriesDescription": "ImageMRSERIES",
    "SeriesNumber": 2,
    "UsePhilipsFloatNotDisplayScaling": 1,
    "dataset": "ds002790",
    "modality": "T1w",
    "subject_id": "0089"
  },
  "cjv": 0.2548895647144419,
  "cnr": 4.634754145635631,
  "efc": 0.7519420704225658,
  "fber": 1214.7408447265625,
  "fwhm_avg": 4.6080266666666665,
  "fwhm_x": 4.35621,
  "fwhm_y": 4.65046,
  "fwhm_z": 4.81741,
  "icvs_csf": 0.28123320046095257,
  "icvs_gm": 0.3779058735403516,
  "icvs_wm": 0.34086092599869583,
  "inu_med": 1.9099928140640259,
  "inu_range": 0.569152718782425,
  "provenance": {
    "md5sum": "a2ef438de60418ae11f1b60f1eae215a",
    "settings": {
      "testing": false
    },
    "software": "mriqc",
    "version": "22.0.0rc1",
    "warnings": {
      "large_rot_frame": true,
      "small_air_mask": true
    },
    "webapi_port": null,
    "webapi_url": "https://mriqc.nimh.nih.gov/api/v1"
  },
  "qi_1": 0.0,
  "qi_2": 0.00010574537112217848,
  "rpve_csf": 23.32193133533616,
  "rpve_gm": 15.838052207179723,
  "rpve_wm": 23.314045918423965,
  "size_x": 240,
  "size_y": 240,
  "size_z": 220,
  "snr_csf": 2.9027489603720236,
  "snr_gm": 9.414213235129084,
  "snr_total": 13.14659588724224,
  "snr_wm": 27.12282546622561,
  "snrd_csf": 20.721208836189913,
  "snrd_gm": 43.58490496821423,
  "snrd_total": 44.15714467482987,
  "snrd_wm": 68.16532022008548,
  "spacing_x": 1.0,
  "spacing_y": 1.0,
  "spacing_z": 1.0,
  "summary_bg_k": 123.33119175459996,
  "summary_bg_mad": 9.610965459776994,
  "summary_bg_mean": 9.02639389038086,
  "summary_bg_median": 6.69260835647583,
  "summary_bg_n": 170079.0,
  "summary_bg_p05": 0.0,
  "summary_bg_p95": 20.125952339172365,
  "summary_bg_stdv": 9.019495964050293,
  "summary_csf_k": -0.7145758764502883,
  "summary_csf_mad": 116.14874907186606,
  "summary_csf_mean": 290.90106201171875,
  "summary_csf_median": 303.9837646484375,
  "summary_csf_n": 20170.0,
  "summary_csf_p05": 116.51560668945312,
  "summary_csf_p95": 443.4852142333983,
  "summary_csf_stdv": 104.72012329101562,
  "summary_gm_k": 0.4386945587783089,
  "summary_gm_mad": 61.932667185240604,
  "summary_gm_mean": 643.2332763671875,
  "summary_gm_median": 639.398193359375,
  "summary_gm_n": 19019.0,
  "summary_gm_p05": 540.244140625,
  "summary_gm_p95": 763.6413146972656,
  "summary_gm_stdv": 67.9166030883789,
  "summary_wm_k": 2.437430319342562,
  "summary_wm_mad": 29.980254712306852,
  "summary_wm_mean": 996.8549194335938,
  "summary_wm_median": 999.9971923828125,
  "summary_wm_n": 188652.0,
  "summary_wm_p05": 930.7323699951172,
  "summary_wm_p95": 1049.4885009765626,
  "summary_wm_stdv": 36.86911392211914,
  "tpm_overlap_csf": 0.17140743136405945,
  "tpm_overlap_gm": 0.43993592262268066,
  "tpm_overlap_wm": 0.527305006980896,
  "wm2max": 0.6907522422557567
}