{
  "aor": 0.007460848214285714,
  "aqi": 0.004439259464285714,
  "bids_meta": {
    "AcquisitionNumber": 7,
    "BidsifyVersion": "0.3.5",
    "ConversionSoftware": "dcm2niix",
    "ConversionSoftwareVersion": "v1.0.20181125  GCC6.3.0",
    "EchoTime": 0.02763,
    "EffectiveEchoSpacing": 0.0006909035636805814,
    "FlipAngle": 76.1,
    "ImageComments": "PIOP2",
    "ImageOrientationPatientDICOM": [
      0.999278,
      0.0378285,
      -0.00339429,
      -0.0378644,
      0.99922,
      -0.0112239
    ],
    "Manufacturer": "Philips",
    "NumberOfVolumesDiscardedByScanner": 2,
    "ParallelAcquisitionTechnique": "SENSE",
    "ParallelReductionFactorInPlane": 2,
    "PatientPosition": "HFS",
    "PhaseEncodingDirection": "j",
    "PhilipsRescaleIntercept": 0,
    "PhilipsRescaleSlope": 0.79878,
    "PhilipsScaleSlope": 0.0507007,
    "ProtocolName": "WIPtask-stop_boldSENSE",
    "PulseSequenceType": "gradient echo EPI",
    "ReconMatrixPE": 80,
    "RepetitionTime": 2,
    "SeriesDescription": "ImageMRSERIES",
    "SeriesNumber": 7,
    "SliceEncodingDirection": "k",
    "SliceTiming": [
      0.0,
      0.0556,
      0.1111,
      0.1667,
      0.2222,
      0.2778,
      0.3333,
      0.3889,
      0.4444,
      0.5,
      0.5556,
      0.6111,
      0.6667,
      0.7222,
      0.7778,
      0.8333,
      0.8889,
      0.9444,
      1.0,
      1.0556,
      1.1111,
      1.1667,
      1.2222,
      1.2778,
      1.3333,
      1.3889,
      1.4444,
      1.5,
      1.5556,
      1.6111,
      1.6667,
      1.7222,
      1.7778,
      1.8333,
      1.8889,
      1.9444
    ],
    "TaskName": "stopsignal",
    "TotalReadoutTime": 0.026945238983542674,
    "UsePhilipsFloatNotDisplayScaling": 1,
    "WaterFatShift": 12,
    "acq_id": "seq",
    "dataset": "ds002790",
    "modality": "bold",
    "subject_id": "0143",
    "task_id": "stopsignal"
  },
  "dummy_trs": 0,
  "dvars_nstd": 17.222641534439465,
  "dvars_std": 1.2940181364125554,
  "dvars_vstd": 1.0732662672197304,
  "efc": 0.4116111566432422,
  "fber": 305080.0625,
  "fd_mean": 0.10586465005026229,
  "fd_num": 14,
  "fd_perc": 6.25,
  "fwhm_avg": 1.970622332146274,
  "fwhm_x": 1.9184,
  "fwhm_y": 2.14277,
  "fwhm_z": 1.8506969964388211,
  "gcor": 0.108424,
  "gsr_x": -0.01124748308211565,
  "gsr_y": 0.005030639003962278,
  "provenance": {
    "md5sum": "8076fd7ae6f0a40dce8e6ff37939d85b",
    "settings": {
      "fd_thres": 0.2,
      "testing": false
    },
    "software": "mriqc",
    "version": "22.0.0rc1",
    "webapi_port": null,
    "webapi_url": "https://mriqc.nimh.nih.gov/api/v1"
  },
  "size_t": 224,
  "size_x": 80,
  "size_y": 80,
  "size_z": 36,
  "snr": 6.140940972301802,
  "spacing_tr": 2.0,
  "spacing_x": 3.0,
  "spacing_y": 3.0,
  "spacing_z": 3.299999952316284,
  "summary_bg_k": 67.71478118175283,
  "summary_bg_mad": 53.85114215349463,
  "summary_bg_mean": 484.5234069824219,
  "summary_bg_median": 49.24750518798828,
  "summary_bg_n": 156783.0,
  "summary_bg_p05": 2.4809974193573,
  "summary_bg_p95": 2403.5361572265624,
  "summary_bg_stdv": 1598.119873046875,
  "summary_fg_k": 1.6055092893545915,
  "summary_fg_mad": 4254.098305112641,
  "summary_fg_mean": 28480.619140625,
  "summary_fg_median": 28061.255859375,
  "summary_fg_n": 33328.0,
  "summary_fg_p05": 21990.32041015625,
  "summary_fg_p95": 36203.5708984375,
  "summary_fg_stdv": 4569.46826171875,
  "tsnr": 88.02157592773438
}