{
  "aor": 0.002024061135371179,
  "aqi": 0.004551000698689957,
  "bids_meta": {
    "AcquisitionNumber": 7,
    "BidsifyVersion": "0.3.5",
    "ConversionSoftware": "dcm2niix",
    "ConversionSoftwareVersion": "v1.0.20181125  GCC6.3.0",
    "EchoTime": 0.02763,
    "EffectiveEchoSpacing": 0.0006909035636805814,
    "FlipAngle": 76.1,
    "ImageComments": "PIOP2",
    "ImageOrientationPatientDICOM": [
      0.999652,
      -0.0234576,
      0.0120952,
      0.0214634,
      0.98925,
      0.144649
    ],
    "Manufacturer": "Philips",
    "NumberOfVolumesDiscardedByScanner": 2,
    "ParallelAcquisitionTechnique": "SENSE",
    "ParallelReductionFactorInPlane": 2,
    "PatientPosition": "HFS",
    "PhaseEncodingDirection": "j",
    "PhilipsRescaleIntercept": 0,
    "PhilipsRescaleSlope": 0.75849,
    "PhilipsScaleSlope": 0.0496443,
    "ProtocolName": "WIPtask-stop_boldSENSE",
    "PulseSequenceType": "gradient echo EPI",
    "ReconMatrixPE": 80,
    "RepetitionTime": 2,
    "SeriesDescription": "ImageMRSERIES",
    "SeriesNumber": 7,
    "SliceEncodingDirection": "k",
    "SliceTiming": [
      0.0,
      0.0556,
      0.1111,
      0.1667,
      0.2222,
      0.2778,
      0.3333,
      0.3889,
      0.4444,
      0.5,
      0.5556,
      0.6111,
      0.6667,
      0.7222,
      0.7778,
      0.8333,
      0.8889,
      0.9444,
      1.0,
      1.0556,
      1.1111,
      1.1667,
      1.2222,
      1.2778,
      1.3333,
      1.3889,
      1.4444,
      1.5,
      1.5556,
      1.6111,
      1.6667,
      1.7222,
      1.7778,
      1.8333,
      1.8889,
      1.9444
    ],
    "TaskName": "stopsignal",
    "TotalReadoutTime": 0.026945238983542674,
    "UsePhilipsFloatNotDisplayScaling": 1,
    "WaterFatShift": 12,
    "acq_id": "seq",
    "dataset": "ds002790",
    "modality": "bold",
    "subject_id": "0085",
    "task_id": "stopsignal"
  },
  "dummy_trs": 0,
  "dvars_nstd": 17.53605439385965,
  "dvars_std": 1.2370066260964914,
  "dvars_vstd": 0.9875401626754386,
  "efc": 0.39153957639350717,
  "fber": 343493.0625,
  "fd_mean": 0.13034002518390075,
  "fd_num": 24,
  "fd_perc": 10.480349344978166,
  "fwhm_avg": 2.052295867857809,
  "fwhm_x": 2.0027433333333335,
  "fwhm_y": 2.22912,
  "fwhm_z": 1.925024270240094,
  "gcor": 0.0193305,
  "gsr_x": -0.015002002008259296,
  "gsr_y": 0.0051534646190702915,
  "provenance": {
    "md5sum": "32583748cde89353cbc68bd14f3a05c5",
    "settings": {
      "fd_thres": 0.2,
      "testing": false
    },
    "software": "mriqc",
    "version": "22.0.0rc1",
    "webapi_port": null,
    "webapi_url": "https://mriqc.nimh.nih.gov/api/v1"
  },
  "size_t": 229,
  "size_x": 80,
  "size_y": 80,
  "size_z": 36,
  "snr": 6.232842173173015,
  "spacing_tr": 2.0,
  "spacing_x": 3.0,
  "spacing_y": 3.0,
  "spacing_z": 3.299999952316284,
  "summary_bg_k": 97.79692790813506,
  "summary_bg_mad": 55.76852961531901,
  "summary_bg_mean": 536.772216796875,
  "summary_bg_median": 49.33315658569336,
  "summary_bg_n": 162050.0,
  "summary_bg_p05": 2.7773420095443724,
  "summary_bg_p95": 2448.474890136715,
  "summary_bg_stdv": 1853.491455078125,
  "summary_fg_k": 1.1449716781093775,
  "summary_fg_mad": 4583.63850095755,
  "summary_fg_mean": 30109.95703125,
  "summary_fg_median": 29773.880859375,
  "summary_fg_n": 29731.0,
  "summary_fg_p05": 23126.5078125,
  "summary_fg_p95": 38174.296875,
  "summary_fg_stdv": 4776.8544921875,
  "tsnr": 95.60929870605469
}