{
  "aor": 0.0027625,
  "aqi": 0.0044688409375,
  "bids_meta": {
    "AcquisitionNumber": 3,
    "BidsifyVersion": "0.3.5",
    "ConversionSoftware": "dcm2niix",
    "ConversionSoftwareVersion": "v1.0.20181125  GCC6.3.0",
    "EchoTime": 0.02763,
    "EffectiveEchoSpacing": 0.0006909035636805814,
    "FlipAngle": 76.1,
    "ImageComments": "PIOP2",
    "ImageOrientationPatientDICOM": [
      0.996075,
      0.0801778,
      0.0374985,
      -0.0811922,
      0.99635,
      0.026358
    ],
    "Manufacturer": "Philips",
    "NumberOfVolumesDiscardedByScanner": 2,
    "ParallelAcquisitionTechnique": "SENSE",
    "ParallelReductionFactorInPlane": 2,
    "PatientPosition": "HFS",
    "PhaseEncodingDirection": "j",
    "PhilipsRescaleIntercept": 0,
    "PhilipsRescaleSlope": 0.76239,
    "PhilipsScaleSlope": 0.059602,
    "ProtocolName": "WIPtask-wm_boldSENSE",
    "PulseSequenceType": "gradient echo EPI",
    "ReconMatrixPE": 80,
    "RepetitionTime": 2,
    "SeriesDescription": "ImageMRSERIES",
    "SeriesNumber": 3,
    "SliceEncodingDirection": "k",
    "SliceTiming": [
      0.0,
      0.0556,
      0.1111,
      0.1667,
      0.2222,
      0.2778,
      0.3333,
      0.3889,
      0.4444,
      0.5,
      0.5556,
      0.6111,
      0.6667,
      0.7222,
      0.7778,
      0.8333,
      0.8889,
      0.9444,
      1.0,
      1.0556,
      1.1111,
      1.1667,
      1.2222,
      1.2778,
      1.3333,
      1.3889,
      1.4444,
      1.5,
      1.5556,
      1.6111,
      1.6667,
      1.7222,
      1.7778,
      1.8333,
      1.8889,
      1.9444
    ],
    "TaskName": "workingmemory",
    "TotalReadoutTime": 0.026945238983542674,
    "UsePhilipsFloatNotDisplayScaling": 1,
    "WaterFatShift": 12,
    "acq_id": "seq",
    "dataset": "ds002790",
    "modality": "bold",
    "subject_id": "0123",
    "task_id": "workingmemory"
  },
  "dummy_trs": 0,
  "dvars_nstd": 19.357646438176097,
  "dvars_std": 1.2268733642138365,
  "dvars_vstd": 1.0070850111949692,
  "efc": 0.4022716830788871,
  "fber": 280339.28125,
  "fd_mean": 0.14000050454400928,
  "fd_num": 27,
  "fd_perc": 16.875,
  "fwhm_avg": 2.0256377866877293,
  "fwhm_x": 1.9938433333333334,
  "fwhm_y": 2.2332033333333334,
  "fwhm_z": 1.8498666933965207,
  "gcor": 0.0347585,
  "gsr_x": -0.01740734651684761,
  "gsr_y": 0.004587450064718723,
  "provenance": {
    "md5sum": "d2c1f105e890aff852dc7b76799d5ad0",
    "settings": {
      "fd_thres": 0.2,
      "testing": false
    },
    "software": "mriqc",
    "version": "22.0.0rc1",
    "webapi_port": null,
    "webapi_url": "https://mriqc.nimh.nih.gov/api/v1"
  },
  "size_t": 160,
  "size_x": 80,
  "size_y": 80,
  "size_z": 36,
  "snr": 6.536485206715391,
  "spacing_tr": 2.0,
  "spacing_x": 3.0,
  "spacing_y": 3.0,
  "spacing_z": 3.299999952316284,
  "summary_bg_k": 47.86883319459132,
  "summary_bg_mad": 51.04597221288765,
  "summary_bg_mean": 465.5767517089844,
  "summary_bg_median": 46.52887725830078,
  "summary_bg_n": 159514.0,
  "summary_bg_p05": 3.128751289844513,
  "summary_bg_p95": 2400.6843627929693,
  "summary_bg_stdv": 1461.2640380859375,
  "summary_fg_k": 2.345175185111092,
  "summary_fg_mad": 3503.594637558257,
  "summary_fg_mean": 25683.56640625,
  "summary_fg_median": 25410.03515625,
  "summary_fg_n": 30898.0,
  "summary_fg_p05": 20002.5146484375,
  "summary_fg_p95": 31937.901953124994,
  "summary_fg_stdv": 3887.352783203125,
  "tsnr": 89.38569641113281
}