{
  "aor": 0.0035258518518518516,
  "aqi": 0.004473406592592592,
  "bids_meta": {
    "AcquisitionNumber": 8,
    "BidsifyVersion": "0.3.5",
    "ConversionSoftware": "dcm2niix",
    "ConversionSoftwareVersion": "v1.0.20181125  GCC6.3.0",
    "EchoTime": 0.02763,
    "EffectiveEchoSpacing": 0.0006909035636805814,
    "FlipAngle": 76.1,
    "ImageComments": "PIOP2",
    "ImageOrientationPatientDICOM": [
      0.996075,
      0.0801778,
      0.0374985,
      -0.0811922,
      0.99635,
      0.026358
    ],
    "Manufacturer": "Philips",
    "NumberOfVolumesDiscardedByScanner": 2,
    "ParallelAcquisitionTechnique": "SENSE",
    "ParallelReductionFactorInPlane": 2,
    "PatientPosition": "HFS",
    "PhaseEncodingDirection": "j",
    "PhilipsRescaleIntercept": 0,
    "PhilipsRescaleSlope": 0.77729,
    "PhilipsScaleSlope": 0.0597373,
    "ProtocolName": "WIPtask-harriri_boldSENSE",
    "PulseSequenceType": "gradient echo EPI",
    "ReconMatrixPE": 80,
    "RepetitionTime": 2,
    "SeriesDescription": "ImageMRSERIES",
    "SeriesNumber": 8,
    "SliceEncodingDirection": "k",
    "SliceTiming": [
      0.0,
      0.0556,
      0.1111,
      0.1667,
      0.2222,
      0.2778,
      0.3333,
      0.3889,
      0.4444,
      0.5,
      0.5556,
      0.6111,
      0.6667,
      0.7222,
      0.7778,
      0.8333,
      0.8889,
      0.9444,
      1.0,
      1.0556,
      1.1111,
      1.1667,
      1.2222,
      1.2778,
      1.3333,
      1.3889,
      1.4444,
      1.5,
      1.5556,
      1.6111,
      1.6667,
      1.7222,
      1.7778,
      1.8333,
      1.8889,
      1.9444
    ],
    "TaskName": "emomatching",
    "TotalReadoutTime": 0.026945238983542674,
    "UsePhilipsFloatNotDisplayScaling": 1,
    "WaterFatShift": 12,
    "acq_id": "seq",
    "dataset": "ds002790",
    "modality": "bold",
    "subject_id": "0123",
    "task_id": "emomatching"
  },
  "dummy_trs": 0,
  "dvars_nstd": 18.198442466567165,
  "dvars_std": 1.208270397537314,
  "dvars_vstd": 1.0355362955970149,
  "efc": 0.4019382716827212,
  "fber": 323171.46875,
  "fd_mean": 0.1514897288800775,
  "fd_num": 23,
  "fd_perc": 17.037037037037038,
  "fwhm_avg": 2.0179034432109857,
  "fwhm_x": 1.9827000000000001,
  "fwhm_y": 2.2299466666666667,
  "fwhm_z": 1.84106366296629,
  "gcor": 0.0231256,
  "gsr_x": -0.01692207343876362,
  "gsr_y": 0.005087968427687883,
  "provenance": {
    "md5sum": "10869fcb32b315a4340037fcec7321c8",
    "settings": {
      "fd_thres": 0.2,
      "testing": false
    },
    "software": "mriqc",
    "version": "22.0.0rc1",
    "webapi_port": null,
    "webapi_url": "https://mriqc.nimh.nih.gov/api/v1"
  },
  "size_t": 135,
  "size_x": 80,
  "size_y": 80,
  "size_z": 36,
  "snr": 6.383976801091139,
  "spacing_tr": 2.0,
  "spacing_x": 3.0,
  "spacing_y": 3.0,
  "spacing_z": 3.299999952316284,
  "summary_bg_k": 44.39159435750636,
  "summary_bg_mad": 45.76798828630352,
  "summary_bg_mean": 450.2930908203125,
  "summary_bg_median": 41.79066467285156,
  "summary_bg_n": 159547.0,
  "summary_bg_p05": 2.7084663391113284,
  "summary_bg_p95": 2365.7703613281215,
  "summary_bg_stdv": 1386.040771484375,
  "summary_fg_k": 2.690253810121134,
  "summary_fg_mad": 3407.277616089637,
  "summary_fg_mean": 24824.837890625,
  "summary_fg_median": 24529.220703125,
  "summary_fg_n": 30913.0,
  "summary_fg_p05": 19301.780859375,
  "summary_fg_p95": 31077.474218749998,
  "summary_fg_stdv": 3842.248291015625,
  "tsnr": 88.39655303955078
}