{
  "aor": 0.004131486486486486,
  "aqi": 0.006974987567567567,
  "bids_meta": {
    "AcquisitionNumber": 7,
    "BidsifyVersion": "0.3.5",
    "ConversionSoftware": "dcm2niix",
    "ConversionSoftwareVersion": "v1.0.20181125  GCC6.3.0",
    "EchoTime": 0.02763,
    "EffectiveEchoSpacing": 0.0006909035636805814,
    "FlipAngle": 76.1,
    "ImageComments": "PIOP2",
    "ImageOrientationPatientDICOM": [
      0.996075,
      0.0801778,
      0.0374985,
      -0.0811922,
      0.99635,
      0.026358
    ],
    "Manufacturer": "Philips",
    "NumberOfVolumesDiscardedByScanner": 2,
    "ParallelAcquisitionTechnique": "SENSE",
    "ParallelReductionFactorInPlane": 2,
    "PatientPosition": "HFS",
    "PhaseEncodingDirection": "j",
    "PhilipsRescaleIntercept": 0,
    "PhilipsRescaleSlope": 0.80049,
    "PhilipsScaleSlope": 0.0608929,
    "ProtocolName": "WIPtask-stop_boldSENSE",
    "PulseSequenceType": "gradient echo EPI",
    "ReconMatrixPE": 80,
    "RepetitionTime": 2,
    "SeriesDescription": "ImageMRSERIES",
    "SeriesNumber": 7,
    "SliceEncodingDirection": "k",
    "SliceTiming": [
      0.0,
      0.0556,
      0.1111,
      0.1667,
      0.2222,
      0.2778,
      0.3333,
      0.3889,
      0.4444,
      0.5,
      0.5556,
      0.6111,
      0.6667,
      0.7222,
      0.7778,
      0.8333,
      0.8889,
      0.9444,
      1.0,
      1.0556,
      1.1111,
      1.1667,
      1.2222,
      1.2778,
      1.3333,
      1.3889,
      1.4444,
      1.5,
      1.5556,
      1.6111,
      1.6667,
      1.7222,
      1.7778,
      1.8333,
      1.8889,
      1.9444
    ],
    "TaskName": "stopsignal",
    "TotalReadoutTime": 0.026945238983542674,
    "UsePhilipsFloatNotDisplayScaling": 1,
    "WaterFatShift": 12,
    "acq_id": "seq",
    "dataset": "ds002790",
    "modality": "bold",
    "subject_id": "0123",
    "task_id": "stopsignal"
  },
  "dummy_trs": 0,
  "dvars_nstd": 18.080208622714935,
  "dvars_std": 1.2032087413122166,
  "dvars_vstd": 1.0276177717194575,
  "efc": 0.40326145439431493,
  "fber": 316468.96875,
  "fd_mean": 0.16697629842584913,
  "fd_num": 59,
  "fd_perc": 26.576576576576578,
  "fwhm_avg": 1.9906432409726236,
  "fwhm_x": 1.97685,
  "fwhm_y": 2.19931,
  "fwhm_z": 1.7957697229178708,
  "gcor": 0.0216219,
  "gsr_x": -0.01731777936220169,
  "gsr_y": 0.005335443187505007,
  "provenance": {
    "md5sum": "abc474966960bfb92a2a28b00c831cd0",
    "settings": {
      "fd_thres": 0.2,
      "testing": false
    },
    "software": "mriqc",
    "version": "22.0.0rc1",
    "webapi_port": null,
    "webapi_url": "https://mriqc.nimh.nih.gov/api/v1"
  },
  "size_t": 222,
  "size_x": 80,
  "size_y": 80,
  "size_z": 36,
  "snr": 6.6737298802199945,
  "spacing_tr": 2.0,
  "spacing_x": 3.0,
  "spacing_y": 3.0,
  "spacing_z": 3.299999952316284,
  "summary_bg_k": 44.25255202435549,
  "summary_bg_mad": 48.54176921051987,
  "summary_bg_mean": 460.3968505859375,
  "summary_bg_median": 42.734230041503906,
  "summary_bg_n": 159541.0,
  "summary_bg_p05": 2.839291572570801,
  "summary_bg_p95": 2437.346923828125,
  "summary_bg_stdv": 1409.787841796875,
  "summary_fg_k": 2.4014001492670767,
  "summary_fg_mad": 3292.1717967796626,
  "summary_fg_mean": 24895.125,
  "summary_fg_median": 24654.08203125,
  "summary_fg_n": 30942.0,
  "summary_fg_p05": 19455.1591796875,
  "summary_fg_p95": 30930.254980468748,
  "summary_fg_stdv": 3694.138671875,
  "tsnr": 78.45545959472656
}