{
  "aor": 0.001993875,
  "aqi": 0.0042038781875,
  "bids_meta": {
    "AcquisitionNumber": 3,
    "BidsifyVersion": "0.3.5",
    "ConversionSoftware": "dcm2niix",
    "ConversionSoftwareVersion": "v1.0.20181125  GCC6.3.0",
    "EchoTime": 0.02763,
    "FlipAngle": 76.1,
    "ImageComments": "PIOP2",
    "ImageOrientationPatientDICOM": [
      0.993636,
      -0.111946,
      -0.0124852,
      0.10847,
      0.980836,
      -0.161847
    ],
    "Manufacturer": "Philips",
    "NumberOfVolumesDiscardedByScanner": 2,
    "ParallelAcquisitionTechnique": "SENSE",
    "ParallelReductionFactorInPlane": 2,
    "PatientPosition": "HFS",
    "PhaseEncodingDirection": "j",
    "PhilipsRescaleIntercept": 0,
    "PhilipsRescaleSlope": 0.77265,
    "PhilipsScaleSlope": 0.0468949,
    "ProtocolName": "WIPtask-wm_boldSENSE",
    "PulseSequenceType": "gradient echo EPI",
    "ReconMatrixPE": 80,
    "RepetitionTime": 2,
    "SeriesDescription": "ImageMRSERIES",
    "SeriesNumber": 3,
    "SliceEncodingDirection": "k",
    "TaskName": "workingmemory",
    "UsePhilipsFloatNotDisplayScaling": 1,
    "WaterFatShift": 12,
    "acq_id": "seq",
    "dataset": "ds002790",
    "modality": "bold",
    "subject_id": "0203",
    "task_id": "workingmemory"
  },
  "dummy_trs": 0,
  "dvars_nstd": 21.05058570477988,
  "dvars_std": 1.3536517211320753,
  "dvars_vstd": 1.0010830491194969,
  "efc": 0.45749056670696664,
  "fber": 185888.515625,
  "fd_mean": 0.08843293001154379,
  "fd_num": 0,
  "fd_perc": 0.0,
  "fwhm_avg": 1.949640816679976,
  "fwhm_x": 1.9242299999999999,
  "fwhm_y": 2.13935,
  "fwhm_z": 1.785342450039928,
  "gcor": 0.03597,
  "gsr_x": -0.019032254815101624,
  "gsr_y": 0.032322220504283905,
  "provenance": {
    "md5sum": "691d51b826b1747abdb0756642465b0b",
    "settings": {
      "fd_thres": 0.2,
      "testing": false
    },
    "software": "mriqc",
    "version": "23.0.1",
    "webapi_port": null,
    "webapi_url": "https://mriqc.nimh.nih.gov/api/v1"
  },
  "size_t": 160,
  "size_x": 80,
  "size_y": 80,
  "size_z": 36,
  "snr": 5.9271929939178785,
  "spacing_tr": 2.0,
  "spacing_x": 3.0,
  "spacing_y": 3.0,
  "spacing_z": 3.299999952316284,
  "summary_bg_k": 56.6062781341634,
  "summary_bg_mad": 70.17253566548075,
  "summary_bg_mean": 893.25,
  "summary_bg_median": 67.17190551757812,
  "summary_bg_n": 150346.0,
  "summary_bg_p05": 8.264379024505615,
  "summary_bg_p95": 5228.378173828125,
  "summary_bg_stdv": 2534.507568359375,
  "summary_fg_k": 2.6377399860129698,
  "summary_fg_mad": 4474.007016596959,
  "summary_fg_mean": 30024.08984375,
  "summary_fg_median": 29590.4765625,
  "summary_fg_n": 38856.0,
  "summary_fg_p05": 22914.8662109375,
  "summary_fg_p95": 37857.0732421875,
  "summary_fg_stdv": 4992.26123046875,
  "tsnr": 94.65640258789062
}