{
  "bids_meta": {
    "AcquisitionNumber": 2,
    "BidsifyVersion": "0.3.5",
    "ConversionSoftware": "dcm2niix",
    "ConversionSoftwareVersion": "v1.0.20181125  GCC6.3.0",
    "EchoTime": 0.00376,
    "ImageComments": "PIOP2",
    "ImageOrientationPatientDICOM": [
      0.999539,
      0.0302845,
      -0.00222483,
      -0.0303641,
      0.995944,
      -0.0846928
    ],
    "Manufacturer": "Philips",
    "NumberSignalAcquisitions": 2,
    "PatientPosition": "HFS",
    "PhilipsRescaleIntercept": 0,
    "PhilipsRescaleSlope": 8.32137,
    "PhilipsScaleSlope": 0.00757353,
    "ProtocolName": "WIPT1anat_acq-6m_T1wSENSE",
    "ReconMatrixPE": 240,
    "RepetitionTime": 0.008194,
    "SeriesDescription": "ImageMRSERIES",
    "SeriesNumber": 2,
    "UsePhilipsFloatNotDisplayScaling": 1,
    "dataset": "ds002790",
    "modality": "T1w",
    "subject_id": "0084"
  },
  "cjv": 0.257803033200882,
  "cnr": 4.887600920126087,
  "efc": 0.7517488653290066,
  "fber": 996.2374267578125,
  "fwhm_avg": 4.54508,
  "fwhm_x": 4.28011,
  "fwhm_y": 4.64386,
  "fwhm_z": 4.71127,
  "icvs_csf": 0.25303343142964435,
  "icvs_gm": 0.3770293387861241,
  "icvs_wm": 0.36993722978423155,
  "inu_med": 1.7692272663116455,
  "inu_range": 0.3119445741176605,
  "provenance": {
    "md5sum": "12bda65b84e9d9d302759b2fe5058090",
    "settings": {
      "testing": false
    },
    "software": "mriqc",
    "version": "22.0.0rc1",
    "warnings": {
      "large_rot_frame": true,
      "small_air_mask": true
    },
    "webapi_port": null,
    "webapi_url": "https://mriqc.nimh.nih.gov/api/v1"
  },
  "qi_1": 0.0,
  "qi_2": 9.086674107975371e-05,
  "rpve_csf": 25.653092406557807,
  "rpve_gm": 16.235030833111317,
  "rpve_wm": 22.19459414729822,
  "size_x": 240,
  "size_y": 240,
  "size_z": 220,
  "snr_csf": 3.035446569715146,
  "snr_gm": 10.807653672848955,
  "snr_total": 13.408107805932055,
  "snr_wm": 26.381223175232066,
  "snrd_csf": 27.103887732797887,
  "snrd_gm": 58.26413537780877,
  "snrd_total": 58.30287048599416,
  "snrd_wm": 89.54058834737583,
  "spacing_x": 1.0,
  "spacing_y": 1.0,
  "spacing_z": 1.0,
  "summary_bg_k": 134.80662800407907,
  "summary_bg_mad": 7.316616412936136,
  "summary_bg_mean": 7.967715740203857,
  "summary_bg_median": 5.151021480560303,
  "summary_bg_n": 160089.0,
  "summary_bg_p05": 0.0,
  "summary_bg_p95": 20.18993148803711,
  "summary_bg_stdv": 6.774853229522705,
  "summary_csf_k": -0.6078123928335968,
  "summary_csf_mad": 104.86719724035483,
  "summary_csf_mean": 288.3746032714844,
  "summary_csf_median": 302.69842529296875,
  "summary_csf_n": 13550.0,
  "summary_csf_p05": 116.10047454833985,
  "summary_csf_p95": 432.08693695068354,
  "summary_csf_stdv": 99.71753692626953,
  "summary_gm_k": 0.6402965137888974,
  "summary_gm_mad": 55.74906489035767,
  "summary_gm_mean": 653.9814453125,
  "summary_gm_median": 650.6986083984375,
  "summary_gm_n": 16064.0,
  "summary_gm_p05": 561.0738830566406,
  "summary_gm_p95": 757.2970123291016,
  "summary_gm_stdv": 60.20532989501953,
  "summary_wm_k": 0.529143775318162,
  "summary_wm_mad": 34.301012203103085,
  "summary_wm_mean": 997.8215942382812,
  "summary_wm_median": 999.99658203125,
  "summary_wm_n": 203090.0,
  "summary_wm_p05": 930.2167694091797,
  "summary_wm_p95": 1057.366845703125,
  "summary_wm_stdv": 37.90552520751953,
  "tpm_overlap_csf": 0.16468006372451782,
  "tpm_overlap_gm": 0.431345671415329,
  "tpm_overlap_wm": 0.5104886293411255,
  "wm2max": 0.7593660606993333
}