{
  "bids_meta": {
    "AcquisitionNumber": 2,
    "BidsifyVersion": "0.3.5",
    "ConversionSoftware": "dcm2niix",
    "ConversionSoftwareVersion": "v1.0.20181125  GCC6.3.0",
    "EchoTime": 0.00383,
    "ImageComments": "PIOP2",
    "ImageOrientationPatientDICOM": [
      0.999875,
      -0.013873,
      0.00755787,
      0.0151836,
      0.976009,
      -0.217202
    ],
    "Manufacturer": "Philips",
    "NumberSignalAcquisitions": 2,
    "PatientPosition": "HFS",
    "PhilipsRescaleIntercept": 0,
    "PhilipsRescaleSlope": 8.54701,
    "PhilipsScaleSlope": 0.00750017,
    "ProtocolName": "WIPT1anat_acq-6m_T1wSENSE",
    "ReconMatrixPE": 240,
    "RepetitionTime": 0.008326,
    "SeriesDescription": "ImageMRSERIES",
    "SeriesNumber": 2,
    "UsePhilipsFloatNotDisplayScaling": 1,
    "dataset": "ds002790",
    "modality": "T1w",
    "subject_id": "0169"
  },
  "cjv": 0.2776645601926704,
  "cnr": 4.105365555434881,
  "efc": 0.7659683176364914,
  "fber": 1212.8232421875,
  "fwhm_avg": 4.556410186023723,
  "fwhm_x": 4.30635,
  "fwhm_y": 4.595980273941771,
  "fwhm_z": 4.766900284129398,
  "icvs_csf": 0.2591829573068859,
  "icvs_gm": 0.38092136470306537,
  "icvs_wm": 0.35989567799004873,
  "inu_med": 0.6124054193496704,
  "inu_range": 0.21266378760337834,
  "provenance": {
    "md5sum": "00ea8da8e1b5107f2c6c4cd624b3775e",
    "settings": {
      "testing": false
    },
    "software": "mriqc",
    "version": "22.0.0rc1",
    "warnings": {
      "large_rot_frame": true,
      "small_air_mask": true
    },
    "webapi_port": null,
    "webapi_url": "https://mriqc.nimh.nih.gov/api/v1"
  },
  "qi_1": 0.0,
  "qi_2": 0.00012409065712169553,
  "rpve_csf": 25.036815638670777,
  "rpve_gm": 16.115079257553177,
  "rpve_wm": 22.60120238684367,
  "size_x": 240,
  "size_y": 240,
  "size_z": 220,
  "snr_csf": 2.87485006029238,
  "snr_gm": 9.036029542560797,
  "snr_total": 12.164459087034283,
  "snr_wm": 24.582497658249668,
  "snrd_csf": 20.433611396925002,
  "snrd_gm": 38.83301388886702,
  "snrd_total": 39.48781664107568,
  "snrd_wm": 59.19682463743502,
  "spacing_x": 1.0,
  "spacing_y": 0.9999999403953552,
  "spacing_z": 0.9999999403953552,
  "summary_bg_k": 270.317756069516,
  "summary_bg_mad": 11.067179695719606,
  "summary_bg_mean": 11.585027694702148,
  "summary_bg_median": 7.702245235443115,
  "summary_bg_n": 164890.0,
  "summary_bg_p05": 0.0,
  "summary_bg_p95": 30.041273689270007,
  "summary_bg_stdv": 9.813232421875,
  "summary_csf_k": 0.10345834463893944,
  "summary_csf_mad": 125.61325578482777,
  "summary_csf_mean": 328.97161865234375,
  "summary_csf_median": 345.18377685546875,
  "summary_csf_n": 13067.0,
  "summary_csf_p05": 112.63974914550782,
  "summary_csf_p95": 498.926251220703,
  "summary_csf_stdv": 120.06558990478516,
  "summary_gm_k": 0.7195063830435697,
  "summary_gm_mad": 61.47541687944783,
  "summary_gm_mean": 661.2544555664062,
  "summary_gm_median": 656.0037841796875,
  "summary_gm_n": 19054.0,
  "summary_gm_p05": 549.4674591064453,
  "summary_gm_p95": 796.3017333984374,
  "summary_gm_stdv": 72.59677124023438,
  "summary_wm_k": 1.9929468517955575,
  "summary_wm_mad": 34.04247982161685,
  "summary_wm_mean": 997.7300415039062,
  "summary_wm_median": 1000.0084228515625,
  "summary_wm_n": 196985.0,
  "summary_wm_p05": 926.1259887695312,
  "summary_wm_p95": 1057.860498046875,
  "summary_wm_stdv": 40.679588317871094,
  "tpm_overlap_csf": 0.16751889884471893,
  "tpm_overlap_gm": 0.4404522180557251,
  "tpm_overlap_wm": 0.5185351967811584,
  "wm2max": 0.5784320196795412
}