{
  "bids_meta": {
    "AcquisitionNumber": 2,
    "BidsifyVersion": "0.3.5",
    "ConversionSoftware": "dcm2niix",
    "ConversionSoftwareVersion": "v1.0.20181125  GCC6.3.0",
    "EchoTime": 0.00373,
    "ImageComments": "PIOP2",
    "ImageOrientationPatientDICOM": [
      0.999442,
      0.00512282,
      -0.0330018,
      -0.00401204,
      0.999426,
      0.0336368
    ],
    "Manufacturer": "Philips",
    "PatientPosition": "HFS",
    "PhilipsRescaleIntercept": 0,
    "PhilipsRescaleSlope": 8.61294,
    "PhilipsScaleSlope": 0.00749791,
    "ProtocolName": "WIPT1anat_acq-6m_T1wSENSE",
    "ReconMatrixPE": 240,
    "RepetitionTime": 0.008157,
    "SeriesDescription": "ImageMRSERIES",
    "SeriesNumber": 2,
    "UsePhilipsFloatNotDisplayScaling": 1,
    "dataset": "ds002790",
    "modality": "T1w",
    "subject_id": "0204"
  },
  "cjv": 0.2492044865957785,
  "cnr": 5.324704223065808,
  "efc": 0.7334781011349045,
  "fber": 15676.655525494276,
  "fwhm_avg": 5.254040000000001,
  "fwhm_x": 4.98859,
  "fwhm_y": 5.19109,
  "fwhm_z": 5.58244,
  "icvs_csf": 0.25132306610718835,
  "icvs_gm": 0.43064968221713484,
  "icvs_wm": 0.3180272516756768,
  "inu_med": 0.5594098567962646,
  "inu_range": 0.17789674401283267,
  "provenance": {
    "md5sum": "72760e0bd434fa6be31ad5e97f361b02",
    "settings": {
      "testing": false
    },
    "software": "mriqc",
    "version": "23.0.1",
    "warnings": {
      "large_rot_frame": true,
      "small_air_mask": true
    },
    "webapi_port": null,
    "webapi_url": "https://mriqc.nimh.nih.gov/api/v1"
  },
  "qi_1": 0.00015106399406486352,
  "qi_2": 3.790453113642462e-05,
  "rpve_csf": 25.07865773417873,
  "rpve_gm": 14.751647791799781,
  "rpve_wm": 23.715524848676424,
  "size_x": 240,
  "size_y": 240,
  "size_z": 220,
  "snr_csf": 1.6992337665307924,
  "snr_gm": 9.749584212027113,
  "snr_total": 13.35948859387293,
  "snr_wm": 28.629647803060887,
  "snrd_csf": 17.882787782648872,
  "snrd_gm": 72.53613874737853,
  "snrd_total": 69.45762654456797,
  "snrd_wm": 117.95395310367653,
  "spacing_x": 1.0,
  "spacing_y": 1.0,
  "spacing_z": 1.0,
  "summary_bg_k": 152.54345194006137,
  "summary_bg_mad": 0.0,
  "summary_bg_mean": 1.4269294735178066,
  "summary_bg_median": 0.0,
  "summary_bg_n": 144864.0,
  "summary_bg_p05": 0.0,
  "summary_bg_p95": 8.866517543792725,
  "summary_bg_stdv": 5.5541709025359305,
  "summary_csf_k": 0.09893706350606202,
  "summary_csf_mad": 86.98636123419145,
  "summary_csf_mean": 161.62326703246583,
  "summary_csf_median": 151.6082140430808,
  "summary_csf_n": 43165.0,
  "summary_csf_p05": 35.3506207279861,
  "summary_csf_p95": 331.7786213196814,
  "summary_csf_stdv": 89.22048329755692,
  "summary_gm_k": 0.2335143437151479,
  "summary_gm_mad": 63.468206898146775,
  "summary_gm_mean": 616.1942020235434,
  "summary_gm_median": 614.9530253745615,
  "summary_gm_n": 50081.0,
  "summary_gm_p05": 516.4053772576153,
  "summary_gm_p95": 719.3193256296217,
  "summary_gm_stdv": 63.07416525529216,
  "summary_wm_k": 0.6404860610367269,
  "summary_wm_mad": 32.48723211776769,
  "summary_wm_mean": 1000.5381491424444,
  "summary_wm_median": 1000.0000216253102,
  "summary_wm_n": 172862.0,
  "summary_wm_p05": 943.4067026153207,
  "summary_wm_p95": 1058.0710935592651,
  "summary_wm_stdv": 34.928726193880884,
  "tpm_overlap_csf": 0.1561099036107113,
  "tpm_overlap_gm": 0.5113185298803052,
  "tpm_overlap_wm": 0.5254683122226212,
  "wm2max": 0.7492647313241756
}