{
  "aor": 0.0039658715596330284,
  "aqi": 0.008774016146788991,
  "bids_meta": {
    "AcquisitionNumber": 7,
    "BidsifyVersion": "0.3.5",
    "ConversionSoftware": "dcm2niix",
    "ConversionSoftwareVersion": "v1.0.20181125  GCC6.3.0",
    "EchoTime": 0.02763,
    "EffectiveEchoSpacing": 0.0006909035636805814,
    "FlipAngle": 76.1,
    "ImageComments": "PIOP2",
    "ImageOrientationPatientDICOM": [
      0.997544,
      -0.0477743,
      0.0512127,
      0.044077,
      0.996499,
      0.0710417
    ],
    "Manufacturer": "Philips",
    "NumberOfVolumesDiscardedByScanner": 2,
    "ParallelAcquisitionTechnique": "SENSE",
    "ParallelReductionFactorInPlane": 2,
    "PatientPosition": "HFS",
    "PhaseEncodingDirection": "j",
    "PhilipsRescaleIntercept": 0,
    "PhilipsRescaleSlope": 0.80317,
    "PhilipsScaleSlope": 0.0528533,
    "ProtocolName": "WIPtask-stop_boldSENSE",
    "PulseSequenceType": "gradient echo EPI",
    "ReconMatrixPE": 80,
    "RepetitionTime": 2,
    "SeriesDescription": "ImageMRSERIES",
    "SeriesNumber": 7,
    "SliceEncodingDirection": "k",
    "SliceTiming": [
      0.0,
      0.0556,
      0.1111,
      0.1667,
      0.2222,
      0.2778,
      0.3333,
      0.3889,
      0.4444,
      0.5,
      0.5556,
      0.6111,
      0.6667,
      0.7222,
      0.7778,
      0.8333,
      0.8889,
      0.9444,
      1.0,
      1.0556,
      1.1111,
      1.1667,
      1.2222,
      1.2778,
      1.3333,
      1.3889,
      1.4444,
      1.5,
      1.5556,
      1.6111,
      1.6667,
      1.7222,
      1.7778,
      1.8333,
      1.8889,
      1.9444
    ],
    "TaskName": "stopsignal",
    "TotalReadoutTime": 0.026945238983542674,
    "UsePhilipsFloatNotDisplayScaling": 1,
    "WaterFatShift": 12,
    "acq_id": "seq",
    "dataset": "ds002790",
    "modality": "bold",
    "subject_id": "0023",
    "task_id": "stopsignal"
  },
  "dummy_trs": 0,
  "dvars_nstd": 20.31150473737328,
  "dvars_std": 1.2740942149308747,
  "dvars_vstd": 1.01968758797235,
  "efc": 0.47303271153545084,
  "fber": 175966.546875,
  "fd_mean": 0.15087364821205435,
  "fd_num": 40,
  "fd_perc": 18.34862385321101,
  "fwhm_avg": 2.0439468777367917,
  "fwhm_x": 2.0036033333333334,
  "fwhm_y": 2.24931,
  "fwhm_z": 1.878927299877041,
  "gcor": 0.0363718,
  "gsr_x": -0.009679695591330528,
  "gsr_y": 0.014707322232425213,
  "provenance": {
    "md5sum": "aa7b70ce79b7a1687672d9ebf3262f6d",
    "settings": {
      "fd_thres": 0.2,
      "testing": false
    },
    "software": "mriqc",
    "version": "22.0.0rc1",
    "webapi_port": null,
    "webapi_url": "https://mriqc.nimh.nih.gov/api/v1"
  },
  "size_t": 218,
  "size_x": 80,
  "size_y": 80,
  "size_z": 36,
  "snr": 5.821020487541038,
  "spacing_tr": 2.0,
  "spacing_x": 3.0,
  "spacing_y": 3.0,
  "spacing_z": 3.299999952316284,
  "summary_bg_k": 54.01093527519713,
  "summary_bg_mad": 68.57040633483106,
  "summary_bg_mean": 713.93994140625,
  "summary_bg_median": 62.34654998779297,
  "summary_bg_n": 145606.0,
  "summary_bg_p05": 7.8722652196884155,
  "summary_bg_p95": 3607.9563598632812,
  "summary_bg_stdv": 1964.2530517578125,
  "summary_fg_k": 1.5016047251059064,
  "summary_fg_mad": 4260.964027495604,
  "summary_fg_mean": 27058.955078125,
  "summary_fg_median": 26441.765625,
  "summary_fg_n": 43222.0,
  "summary_fg_p05": 20949.597265625,
  "summary_fg_p95": 35056.50507812499,
  "summary_fg_stdv": 4542.40966796875,
  "tsnr": 70.13713836669922
}