{
  "aor": 0.0016215,
  "aqi": 0.006087364083333334,
  "bids_meta": {
    "AcquisitionNumber": 4,
    "BidsifyVersion": "0.3.5",
    "ConversionSoftware": "dcm2niix",
    "ConversionSoftwareVersion": "v1.0.20181125  GCC6.3.0",
    "EchoTime": 0.02763,
    "EffectiveEchoSpacing": 0.0006909035636805814,
    "FlipAngle": 76.1,
    "ImageComments": "PIOP2",
    "ImageOrientationPatientDICOM": [
      0.997544,
      -0.0477743,
      0.0512127,
      0.044077,
      0.996499,
      0.0710417
    ],
    "Manufacturer": "Philips",
    "NumberOfVolumesDiscardedByScanner": 2,
    "ParallelAcquisitionTechnique": "SENSE",
    "ParallelReductionFactorInPlane": 2,
    "PatientPosition": "HFS",
    "PhaseEncodingDirection": "j",
    "PhilipsRescaleIntercept": 0,
    "PhilipsRescaleSlope": 0.81001,
    "PhilipsScaleSlope": 0.0523944,
    "ProtocolName": "WIPtask-rest_boldSENSE",
    "PulseSequenceType": "gradient echo EPI",
    "ReconMatrixPE": 80,
    "RepetitionTime": 2,
    "SeriesDescription": "ImageMRSERIES",
    "SeriesNumber": 4,
    "SliceEncodingDirection": "k",
    "SliceTiming": [
      0.0,
      0.0556,
      0.1111,
      0.1667,
      0.2222,
      0.2778,
      0.3333,
      0.3889,
      0.4444,
      0.5,
      0.5556,
      0.6111,
      0.6667,
      0.7222,
      0.7778,
      0.8333,
      0.8889,
      0.9444,
      1.0,
      1.0556,
      1.1111,
      1.1667,
      1.2222,
      1.2778,
      1.3333,
      1.3889,
      1.4444,
      1.5,
      1.5556,
      1.6111,
      1.6667,
      1.7222,
      1.7778,
      1.8333,
      1.8889,
      1.9444
    ],
    "TaskName": "restingstate",
    "TotalReadoutTime": 0.026945238983542674,
    "UsePhilipsFloatNotDisplayScaling": 1,
    "WaterFatShift": 12,
    "acq_id": "seq",
    "dataset": "ds002790",
    "modality": "bold",
    "subject_id": "0023",
    "task_id": "restingstate"
  },
  "dummy_trs": 0,
  "dvars_nstd": 22.312200725899576,
  "dvars_std": 1.3529020476569038,
  "dvars_vstd": 0.9756935377824265,
  "efc": 0.4714964816604065,
  "fber": 166574.71875,
  "fd_mean": 0.12539748227906522,
  "fd_num": 23,
  "fd_perc": 9.583333333333334,
  "fwhm_avg": 2.0442971808804,
  "fwhm_x": 2.00625,
  "fwhm_y": 2.22419,
  "fwhm_z": 1.9024515426411994,
  "gcor": 0.022694,
  "gsr_x": -0.009685919620096684,
  "gsr_y": 0.014519759453833103,
  "provenance": {
    "md5sum": "556a26212be1ac33b433b6e65d0db4a6",
    "settings": {
      "fd_thres": 0.2,
      "testing": false
    },
    "software": "mriqc",
    "version": "22.0.0rc1",
    "webapi_port": null,
    "webapi_url": "https://mriqc.nimh.nih.gov/api/v1"
  },
  "size_t": 240,
  "size_x": 80,
  "size_y": 80,
  "size_z": 36,
  "snr": 5.80631282137654,
  "spacing_tr": 2.0,
  "spacing_x": 3.0,
  "spacing_y": 3.0,
  "spacing_z": 3.299999952316284,
  "summary_bg_k": 60.78990259886245,
  "summary_bg_mad": 74.38920180503094,
  "summary_bg_mean": 690.2738037109375,
  "summary_bg_median": 64.40286254882812,
  "summary_bg_n": 145643.0,
  "summary_bg_p05": 6.222832012176514,
  "summary_bg_p95": 3481.7394531249993,
  "summary_bg_stdv": 1906.5653076171875,
  "summary_fg_k": 1.518867673670763,
  "summary_fg_mad": 4295.559044496554,
  "summary_fg_mean": 27246.625,
  "summary_fg_median": 26626.21875,
  "summary_fg_n": 43205.0,
  "summary_fg_p05": 21063.18125,
  "summary_fg_p95": 35330.497656249994,
  "summary_fg_stdv": 4585.68310546875,
  "tsnr": 83.6416244506836
}