{
  "aor": 0.003613703703703703,
  "aqi": 0.0043072109629629625,
  "bids_meta": {
    "AcquisitionNumber": 8,
    "BidsifyVersion": "0.3.5",
    "ConversionSoftware": "dcm2niix",
    "ConversionSoftwareVersion": "v1.0.20181125  GCC6.3.0",
    "EchoTime": 0.02763,
    "EffectiveEchoSpacing": 0.0006909035636805814,
    "FlipAngle": 76.1,
    "ImageComments": "PIOP2",
    "ImageOrientationPatientDICOM": [
      0.997544,
      -0.0477743,
      0.0512127,
      0.044077,
      0.996499,
      0.0710417
    ],
    "Manufacturer": "Philips",
    "NumberOfVolumesDiscardedByScanner": 2,
    "ParallelAcquisitionTechnique": "SENSE",
    "ParallelReductionFactorInPlane": 2,
    "PatientPosition": "HFS",
    "PhaseEncodingDirection": "j",
    "PhilipsRescaleIntercept": 0,
    "PhilipsRescaleSlope": 0.79634,
    "PhilipsScaleSlope": 0.0516067,
    "ProtocolName": "WIPtask-harriri_boldSENSE",
    "PulseSequenceType": "gradient echo EPI",
    "ReconMatrixPE": 80,
    "RepetitionTime": 2,
    "SeriesDescription": "ImageMRSERIES",
    "SeriesNumber": 8,
    "SliceEncodingDirection": "k",
    "SliceTiming": [
      0.0,
      0.0556,
      0.1111,
      0.1667,
      0.2222,
      0.2778,
      0.3333,
      0.3889,
      0.4444,
      0.5,
      0.5556,
      0.6111,
      0.6667,
      0.7222,
      0.7778,
      0.8333,
      0.8889,
      0.9444,
      1.0,
      1.0556,
      1.1111,
      1.1667,
      1.2222,
      1.2778,
      1.3333,
      1.3889,
      1.4444,
      1.5,
      1.5556,
      1.6111,
      1.6667,
      1.7222,
      1.7778,
      1.8333,
      1.8889,
      1.9444
    ],
    "TaskName": "emomatching",
    "TotalReadoutTime": 0.026945238983542674,
    "UsePhilipsFloatNotDisplayScaling": 1,
    "WaterFatShift": 12,
    "acq_id": "seq",
    "dataset": "ds002790",
    "modality": "bold",
    "subject_id": "0023",
    "task_id": "emomatching"
  },
  "dummy_trs": 0,
  "dvars_nstd": 21.13416630455224,
  "dvars_std": 1.378702900895522,
  "dvars_vstd": 1.037956943880597,
  "efc": 0.4728109315803042,
  "fber": 164490.4375,
  "fd_mean": 0.1365640861333427,
  "fd_num": 24,
  "fd_perc": 17.77777777777778,
  "fwhm_avg": 2.0211754636615686,
  "fwhm_x": 1.9774366666666667,
  "fwhm_y": 2.19342,
  "fwhm_z": 1.892669724318038,
  "gcor": 0.034026,
  "gsr_x": -0.00945698469877243,
  "gsr_y": 0.014340863563120365,
  "provenance": {
    "md5sum": "d68c63687132a3a5d60989e65169c059",
    "settings": {
      "fd_thres": 0.2,
      "testing": false
    },
    "software": "mriqc",
    "version": "22.0.0rc1",
    "webapi_port": null,
    "webapi_url": "https://mriqc.nimh.nih.gov/api/v1"
  },
  "size_t": 135,
  "size_x": 80,
  "size_y": 80,
  "size_z": 36,
  "snr": 5.83358868108212,
  "spacing_tr": 2.0,
  "spacing_x": 3.0,
  "spacing_y": 3.0,
  "spacing_z": 3.299999952316284,
  "summary_bg_k": 55.27828374888581,
  "summary_bg_mad": 75.3275467577161,
  "summary_bg_mean": 709.0263671875,
  "summary_bg_median": 63.79745864868164,
  "summary_bg_n": 145677.0,
  "summary_bg_p05": 4.750687122344971,
  "summary_bg_p95": 3571.7889648437426,
  "summary_bg_stdv": 1961.5452880859375,
  "summary_fg_k": 1.4997021137232025,
  "summary_fg_mad": 4215.860488129503,
  "summary_fg_mean": 26717.802734375,
  "summary_fg_median": 26115.154296875,
  "summary_fg_n": 43137.0,
  "summary_fg_p05": 20705.35546875,
  "summary_fg_p95": 34530.5375,
  "summary_fg_stdv": 4476.6357421875,
  "tsnr": 97.30555725097656
}