{
  "bids_meta": {
    "AcquisitionNumber": 2,
    "BidsifyVersion": "0.3.5",
    "ConversionSoftware": "dcm2niix",
    "ConversionSoftwareVersion": "v1.0.20181125  GCC6.3.0",
    "EchoTime": 0.00374,
    "ImageComments": "PIOP2",
    "ImageOrientationPatientDICOM": [
      0.999777,
      0.00967235,
      -0.0187583,
      -0.00837591,
      0.99765,
      0.0680007
    ],
    "Manufacturer": "Philips",
    "NumberSignalAcquisitions": 2,
    "PatientPosition": "HFS",
    "PhilipsRescaleIntercept": 0,
    "PhilipsRescaleSlope": 7.83028,
    "PhilipsScaleSlope": 0.0076788,
    "ProtocolName": "WIPT1anat_acq-6m_T1wSENSE",
    "ReconMatrixPE": 240,
    "RepetitionTime": 0.008168,
    "SeriesDescription": "ImageMRSERIES",
    "SeriesNumber": 2,
    "UsePhilipsFloatNotDisplayScaling": 1,
    "dataset": "ds002790",
    "modality": "T1w",
    "subject_id": "0026"
  },
  "cjv": 0.276440767347257,
  "cnr": 4.569615074256293,
  "efc": 0.7490943814027728,
  "fber": 1830.0511474609375,
  "fwhm_avg": 4.280483333333334,
  "fwhm_x": 4.11382,
  "fwhm_y": 4.31485,
  "fwhm_z": 4.41278,
  "icvs_csf": 0.25137589843708047,
  "icvs_gm": 0.40004684151333314,
  "icvs_wm": 0.34857726004958645,
  "inu_med": 1.8896946907043457,
  "inu_range": 0.29890935420990017,
  "provenance": {
    "md5sum": "1e5121e03479bca05d9ec7cdd26edb2f",
    "settings": {
      "testing": false
    },
    "software": "mriqc",
    "version": "22.0.0rc1",
    "warnings": {
      "large_rot_frame": true,
      "small_air_mask": true
    },
    "webapi_port": null,
    "webapi_url": "https://mriqc.nimh.nih.gov/api/v1"
  },
  "qi_1": 0.0,
  "qi_2": 6.51131338071214e-05,
  "rpve_csf": 28.669904639827752,
  "rpve_gm": 17.69788370043305,
  "rpve_wm": 26.278445010272417,
  "size_x": 240,
  "size_y": 240,
  "size_z": 220,
  "snr_csf": 2.9605298758309653,
  "snr_gm": 9.744593140655374,
  "snr_total": 12.392880162583756,
  "snr_wm": 24.47351747126493,
  "snrd_csf": 25.87555787639336,
  "snrd_gm": 54.613006472368625,
  "snrd_total": 55.11890898670587,
  "snrd_wm": 84.86816261135561,
  "spacing_x": 1.0,
  "spacing_y": 1.0,
  "spacing_z": 1.0,
  "summary_bg_k": 15.29468752629684,
  "summary_bg_mad": 7.719392989574503,
  "summary_bg_mean": 8.675893783569336,
  "summary_bg_median": 5.363178253173828,
  "summary_bg_n": 147914.0,
  "summary_bg_p05": 0.0,
  "summary_bg_p95": 21.687474727630615,
  "summary_bg_stdv": 7.490565299987793,
  "summary_csf_k": 11.668353401978827,
  "summary_csf_mad": 100.96408899359152,
  "summary_csf_mean": 289.2178039550781,
  "summary_csf_median": 304.8885803222656,
  "summary_csf_n": 14103.0,
  "summary_csf_p05": 121.05753555297852,
  "summary_csf_p95": 430.7358489990234,
  "summary_csf_stdv": 102.9808120727539,
  "summary_gm_k": 0.5437282168128048,
  "summary_gm_mad": 61.82434962813909,
  "summary_gm_mean": 649.5679321289062,
  "summary_gm_median": 643.4984741210938,
  "summary_gm_n": 13765.0,
  "summary_gm_p05": 551.989208984375,
  "summary_gm_p95": 769.2558837890624,
  "summary_gm_stdv": 66.03406524658203,
  "summary_wm_k": 1.006581738114435,
  "summary_wm_mad": 36.72480983632285,
  "summary_wm_mean": 997.2532958984375,
  "summary_wm_median": 999.9913330078125,
  "summary_wm_n": 160558.0,
  "summary_wm_p05": 924.8591583251953,
  "summary_wm_p95": 1058.9314514160155,
  "summary_wm_stdv": 40.86001205444336,
  "tpm_overlap_csf": 0.17100946605205536,
  "tpm_overlap_gm": 0.44748345017433167,
  "tpm_overlap_wm": 0.5112440586090088,
  "wm2max": 0.720052094001977
}