{
  "bids_meta": {
    "AcquisitionNumber": 2,
    "BidsifyVersion": "0.3.5",
    "ConversionSoftware": "dcm2niix",
    "ConversionSoftwareVersion": "v1.0.20181125  GCC6.3.0",
    "EchoTime": 0.00381,
    "ImageComments": "PIOP2",
    "ImageOrientationPatientDICOM": [
      0.998656,
      -0.0296445,
      0.0425023,
      0.0357464,
      0.987907,
      -0.150872
    ],
    "Manufacturer": "Philips",
    "NumberSignalAcquisitions": 2,
    "PatientPosition": "HFS",
    "PhilipsRescaleIntercept": 0,
    "PhilipsRescaleSlope": 8.73236,
    "PhilipsScaleSlope": 0.00748667,
    "ProtocolName": "WIPT1anat_acq-6m_T1wSENSE",
    "ReconMatrixPE": 240,
    "RepetitionTime": 0.008294,
    "SeriesDescription": "ImageMRSERIES",
    "SeriesNumber": 2,
    "UsePhilipsFloatNotDisplayScaling": 1,
    "dataset": "ds002790",
    "modality": "T1w",
    "subject_id": "0097"
  },
  "cjv": 0.2500568749435769,
  "cnr": 5.101355188792387,
  "efc": 0.7417829613479084,
  "fber": 1539.841552734375,
  "fwhm_avg": 4.7489300000000005,
  "fwhm_x": 4.34392,
  "fwhm_y": 4.89679,
  "fwhm_z": 5.00608,
  "icvs_csf": 0.25705017425382926,
  "icvs_gm": 0.4037702464139458,
  "icvs_wm": 0.3391795793322249,
  "inu_med": 1.688679575920105,
  "inu_range": 0.32634395360946655,
  "provenance": {
    "md5sum": "16b7cf9ba8af1ffb75ab0c3277d36cb5",
    "settings": {
      "testing": false
    },
    "software": "mriqc",
    "version": "22.0.0rc1",
    "warnings": {
      "large_rot_frame": true,
      "small_air_mask": true
    },
    "webapi_port": null,
    "webapi_url": "https://mriqc.nimh.nih.gov/api/v1"
  },
  "qi_1": 0.0,
  "qi_2": 0.0001675206448426205,
  "rpve_csf": 27.186279260957985,
  "rpve_gm": 17.117478576719236,
  "rpve_wm": 25.81048367286781,
  "size_x": 240,
  "size_y": 240,
  "size_z": 220,
  "snr_csf": 2.316525217568468,
  "snr_gm": 10.749081838992462,
  "snr_total": 12.182127277500705,
  "snr_wm": 23.480774775941185,
  "snrd_csf": 23.76652659549602,
  "snrd_gm": 54.86846432253991,
  "snrd_total": 55.28258541114261,
  "snrd_wm": 87.2127653153919,
  "spacing_x": 1.0,
  "spacing_y": 1.0,
  "spacing_z": 1.0,
  "summary_bg_k": 17.88454882004206,
  "summary_bg_mad": 7.511888615037989,
  "summary_bg_mean": 8.87507438659668,
  "summary_bg_median": 5.261584758758545,
  "summary_bg_n": 156645.0,
  "summary_bg_p05": 0.0,
  "summary_bg_p95": 20.9696533203125,
  "summary_bg_stdv": 6.782126426696777,
  "summary_csf_k": 59.9244201783832,
  "summary_csf_mad": 106.62874884019715,
  "summary_csf_mean": 261.5221862792969,
  "summary_csf_median": 272.51043701171875,
  "summary_csf_n": 12832.0,
  "summary_csf_p05": 87.3687973022461,
  "summary_csf_p95": 418.95318450927726,
  "summary_csf_stdv": 117.63300323486328,
  "summary_gm_k": 0.4280714902024192,
  "summary_gm_mad": 54.99563800612442,
  "summary_gm_mean": 631.243896484375,
  "summary_gm_median": 629.1297607421875,
  "summary_gm_n": 24361.0,
  "summary_gm_p05": 540.008544921875,
  "summary_gm_p95": 732.7598876953125,
  "summary_gm_stdv": 58.527496337890625,
  "summary_wm_k": 1.4025315287375557,
  "summary_wm_mad": 37.74156511751968,
  "summary_wm_mean": 994.9739990234375,
  "summary_wm_median": 999.9942016601562,
  "summary_wm_n": 166799.0,
  "summary_wm_p05": 917.3606750488282,
  "summary_wm_p95": 1055.2849853515625,
  "summary_wm_stdv": 42.5876579284668,
  "tpm_overlap_csf": 0.15617229044437408,
  "tpm_overlap_gm": 0.4309934675693512,
  "tpm_overlap_wm": 0.5014523863792419,
  "wm2max": 0.8215366222671552
}