{
  "aor": 0.0042842962962962965,
  "aqi": 0.003176492074074074,
  "bids_meta": {
    "AcquisitionNumber": 8,
    "BidsifyVersion": "0.3.5",
    "ConversionSoftware": "dcm2niix",
    "ConversionSoftwareVersion": "v1.0.20181125  GCC6.3.0",
    "EchoTime": 0.02763,
    "EffectiveEchoSpacing": 0.0006909035636805814,
    "FlipAngle": 76.1,
    "ImageComments": "PIOP2",
    "ImageOrientationPatientDICOM": [
      0.999881,
      0.0153964,
      -0.000640166,
      -0.0150092,
      0.98246,
      0.185869
    ],
    "Manufacturer": "Philips",
    "NumberOfVolumesDiscardedByScanner": 2,
    "ParallelAcquisitionTechnique": "SENSE",
    "ParallelReductionFactorInPlane": 2,
    "PatientPosition": "HFS",
    "PhaseEncodingDirection": "j",
    "PhilipsRescaleIntercept": 0,
    "PhilipsRescaleSlope": 0.79048,
    "PhilipsScaleSlope": 0.0469096,
    "ProtocolName": "WIPtask-harriri_boldSENSE",
    "PulseSequenceType": "gradient echo EPI",
    "ReconMatrixPE": 80,
    "RepetitionTime": 2,
    "SeriesDescription": "ImageMRSERIES",
    "SeriesNumber": 8,
    "SliceEncodingDirection": "k",
    "SliceTiming": [
      0.0,
      0.0556,
      0.1111,
      0.1667,
      0.2222,
      0.2778,
      0.3333,
      0.3889,
      0.4444,
      0.5,
      0.5556,
      0.6111,
      0.6667,
      0.7222,
      0.7778,
      0.8333,
      0.8889,
      0.9444,
      1.0,
      1.0556,
      1.1111,
      1.1667,
      1.2222,
      1.2778,
      1.3333,
      1.3889,
      1.4444,
      1.5,
      1.5556,
      1.6111,
      1.6667,
      1.7222,
      1.7778,
      1.8333,
      1.8889,
      1.9444
    ],
    "TaskName": "emomatching",
    "TotalReadoutTime": 0.026945238983542674,
    "UsePhilipsFloatNotDisplayScaling": 1,
    "WaterFatShift": 12,
    "acq_id": "seq",
    "dataset": "ds002790",
    "modality": "bold",
    "subject_id": "0039",
    "task_id": "emomatching"
  },
  "dummy_trs": 0,
  "dvars_nstd": 15.345852610074624,
  "dvars_std": 1.1771626299999998,
  "dvars_vstd": 1.0367672232835816,
  "efc": 0.40359968530287904,
  "fber": 296178.3125,
  "fd_mean": 0.10236006838839512,
  "fd_num": 9,
  "fd_perc": 6.666666666666667,
  "fwhm_avg": 1.9150357661910682,
  "fwhm_x": 1.8663933333333331,
  "fwhm_y": 2.09002,
  "fwhm_z": 1.788693965239871,
  "gcor": 0.022252,
  "gsr_x": -0.015294705517590046,
  "gsr_y": 0.0066362787038087845,
  "provenance": {
    "md5sum": "6e8c03d2a10a962bafa2bb898fba4320",
    "settings": {
      "fd_thres": 0.2,
      "testing": false
    },
    "software": "mriqc",
    "version": "22.0.0rc1",
    "webapi_port": null,
    "webapi_url": "https://mriqc.nimh.nih.gov/api/v1"
  },
  "size_t": 135,
  "size_x": 80,
  "size_y": 80,
  "size_z": 36,
  "snr": 5.510504989855558,
  "spacing_tr": 2.0,
  "spacing_x": 3.0,
  "spacing_y": 3.0,
  "spacing_z": 3.299999952316284,
  "summary_bg_k": 50.07920658757778,
  "summary_bg_mad": 59.64165640271048,
  "summary_bg_mean": 450.9988708496094,
  "summary_bg_median": 52.71588897705078,
  "summary_bg_n": 158348.0,
  "summary_bg_p05": 3.1892028570175173,
  "summary_bg_p95": 2333.111315917968,
  "summary_bg_stdv": 1244.399658203125,
  "summary_fg_k": 3.2910497717746,
  "summary_fg_mad": 4345.394169849056,
  "summary_fg_mean": 30042.880859375,
  "summary_fg_median": 29260.05859375,
  "summary_fg_n": 32690.0,
  "summary_fg_p05": 23371.56552734375,
  "summary_fg_p95": 39296.5408203125,
  "summary_fg_stdv": 5309.78759765625,
  "tsnr": 100.84603881835938
}