{
  "aor": 0.0034983124999999997,
  "aqi": 0.008823097249999998,
  "bids_meta": {
    "AcquisitionNumber": 3,
    "BidsifyVersion": "0.3.5",
    "ConversionSoftware": "dcm2niix",
    "ConversionSoftwareVersion": "v1.0.20181125  GCC6.3.0",
    "EchoTime": 0.02763,
    "EffectiveEchoSpacing": 0.0006909035636805814,
    "FlipAngle": 76.1,
    "ImageComments": "PIOP2",
    "ImageOrientationPatientDICOM": [
      0.999881,
      0.0153964,
      -0.000640166,
      -0.0150092,
      0.98246,
      0.185869
    ],
    "Manufacturer": "Philips",
    "NumberOfVolumesDiscardedByScanner": 2,
    "ParallelAcquisitionTechnique": "SENSE",
    "ParallelReductionFactorInPlane": 2,
    "PatientPosition": "HFS",
    "PhaseEncodingDirection": "j",
    "PhilipsRescaleIntercept": 0,
    "PhilipsRescaleSlope": 0.76313,
    "PhilipsScaleSlope": 0.0475086,
    "ProtocolName": "WIPtask-wm_boldSENSE",
    "PulseSequenceType": "gradient echo EPI",
    "ReconMatrixPE": 80,
    "RepetitionTime": 2,
    "SeriesDescription": "ImageMRSERIES",
    "SeriesNumber": 3,
    "SliceEncodingDirection": "k",
    "SliceTiming": [
      0.0,
      0.0556,
      0.1111,
      0.1667,
      0.2222,
      0.2778,
      0.3333,
      0.3889,
      0.4444,
      0.5,
      0.5556,
      0.6111,
      0.6667,
      0.7222,
      0.7778,
      0.8333,
      0.8889,
      0.9444,
      1.0,
      1.0556,
      1.1111,
      1.1667,
      1.2222,
      1.2778,
      1.3333,
      1.3889,
      1.4444,
      1.5,
      1.5556,
      1.6111,
      1.6667,
      1.7222,
      1.7778,
      1.8333,
      1.8889,
      1.9444
    ],
    "TaskName": "workingmemory",
    "TotalReadoutTime": 0.026945238983542674,
    "UsePhilipsFloatNotDisplayScaling": 1,
    "WaterFatShift": 12,
    "acq_id": "seq",
    "dataset": "ds002790",
    "modality": "bold",
    "subject_id": "0039",
    "task_id": "workingmemory"
  },
  "dummy_trs": 0,
  "dvars_nstd": 17.332841099496854,
  "dvars_std": 1.1054607908805032,
  "dvars_vstd": 0.9592353551572324,
  "efc": 0.4023328538131725,
  "fber": 286208.90625,
  "fd_mean": 0.12213120720694004,
  "fd_num": 17,
  "fd_perc": 10.625,
  "fwhm_avg": 1.9426338471487388,
  "fwhm_x": 1.88846,
  "fwhm_y": 2.11969,
  "fwhm_z": 1.8197515414462169,
  "gcor": 0.0153955,
  "gsr_x": -0.015469337813556194,
  "gsr_y": 0.006567669566720724,
  "provenance": {
    "md5sum": "31c0cd50735dd0e23bc93ba5ef952e2a",
    "settings": {
      "fd_thres": 0.2,
      "testing": false
    },
    "software": "mriqc",
    "version": "22.0.0rc1",
    "webapi_port": null,
    "webapi_url": "https://mriqc.nimh.nih.gov/api/v1"
  },
  "size_t": 160,
  "size_x": 80,
  "size_y": 80,
  "size_z": 36,
  "snr": 5.45500335008377,
  "spacing_tr": 2.0,
  "spacing_x": 3.0,
  "spacing_y": 3.0,
  "spacing_z": 3.299999952316284,
  "summary_bg_k": 49.984162288215884,
  "summary_bg_mad": 62.19125470959347,
  "summary_bg_mean": 457.42095947265625,
  "summary_bg_median": 55.00179672241211,
  "summary_bg_n": 158613.0,
  "summary_bg_p05": 3.91050934791565,
  "summary_bg_p95": 2363.468359374999,
  "summary_bg_stdv": 1255.34619140625,
  "summary_fg_k": 2.927455590730988,
  "summary_fg_mad": 4457.689705071024,
  "summary_fg_mean": 30509.564453125,
  "summary_fg_median": 29689.201171875,
  "summary_fg_n": 32461.0,
  "summary_fg_p05": 23601.193359375,
  "summary_fg_p95": 40160.60546875,
  "summary_fg_stdv": 5442.4794921875,
  "tsnr": 72.08584594726562
}