{
  "aor": 0.0021400000000000004,
  "aqi": 0.005191720750000001,
  "bids_meta": {
    "AcquisitionNumber": 4,
    "BidsifyVersion": "0.3.5",
    "ConversionSoftware": "dcm2niix",
    "ConversionSoftwareVersion": "v1.0.20181125  GCC6.3.0",
    "EchoTime": 0.02763,
    "EffectiveEchoSpacing": 0.0006909035636805814,
    "FlipAngle": 76.1,
    "ImageComments": "PIOP2",
    "ImageOrientationPatientDICOM": [
      0.999881,
      0.0153964,
      -0.000640166,
      -0.0150092,
      0.98246,
      0.185869
    ],
    "Manufacturer": "Philips",
    "NumberOfVolumesDiscardedByScanner": 2,
    "ParallelAcquisitionTechnique": "SENSE",
    "ParallelReductionFactorInPlane": 2,
    "PatientPosition": "HFS",
    "PhaseEncodingDirection": "j",
    "PhilipsRescaleIntercept": 0,
    "PhilipsRescaleSlope": 0.7685,
    "PhilipsScaleSlope": 0.0481551,
    "ProtocolName": "WIPtask-rest_boldSENSE",
    "PulseSequenceType": "gradient echo EPI",
    "ReconMatrixPE": 80,
    "RepetitionTime": 2,
    "SeriesDescription": "ImageMRSERIES",
    "SeriesNumber": 4,
    "SliceEncodingDirection": "k",
    "SliceTiming": [
      0.0,
      0.0556,
      0.1111,
      0.1667,
      0.2222,
      0.2778,
      0.3333,
      0.3889,
      0.4444,
      0.5,
      0.5556,
      0.6111,
      0.6667,
      0.7222,
      0.7778,
      0.8333,
      0.8889,
      0.9444,
      1.0,
      1.0556,
      1.1111,
      1.1667,
      1.2222,
      1.2778,
      1.3333,
      1.3889,
      1.4444,
      1.5,
      1.5556,
      1.6111,
      1.6667,
      1.7222,
      1.7778,
      1.8333,
      1.8889,
      1.9444
    ],
    "TaskName": "restingstate",
    "TotalReadoutTime": 0.026945238983542674,
    "UsePhilipsFloatNotDisplayScaling": 1,
    "WaterFatShift": 12,
    "acq_id": "seq",
    "dataset": "ds002790",
    "modality": "bold",
    "subject_id": "0039",
    "task_id": "restingstate"
  },
  "dummy_trs": 0,
  "dvars_nstd": 15.145243505188283,
  "dvars_std": 1.0991569071129708,
  "dvars_vstd": 0.9876935027615062,
  "efc": 0.4026365654790894,
  "fber": 301094.4375,
  "fd_mean": 0.12337699211167516,
  "fd_num": 22,
  "fd_perc": 9.166666666666666,
  "fwhm_avg": 1.936481624889269,
  "fwhm_x": 1.8869833333333332,
  "fwhm_y": 2.1104433333333334,
  "fwhm_z": 1.8120182080011398,
  "gcor": 0.0173301,
  "gsr_x": -0.015540629625320435,
  "gsr_y": 0.006516812834888697,
  "provenance": {
    "md5sum": "fd852afbd71658f03bbfe4dbef4d641e",
    "settings": {
      "fd_thres": 0.2,
      "testing": false
    },
    "software": "mriqc",
    "version": "22.0.0rc1",
    "webapi_port": null,
    "webapi_url": "https://mriqc.nimh.nih.gov/api/v1"
  },
  "size_t": 240,
  "size_x": 80,
  "size_y": 80,
  "size_z": 36,
  "snr": 5.47401243198218,
  "spacing_tr": 2.0,
  "spacing_x": 3.0,
  "spacing_y": 3.0,
  "spacing_z": 3.299999952316284,
  "summary_bg_k": 53.16334191734666,
  "summary_bg_mad": 56.36677386845185,
  "summary_bg_mean": 445.1043701171875,
  "summary_bg_median": 52.4838981628418,
  "summary_bg_n": 158467.0,
  "summary_bg_p05": 4.21480450630188,
  "summary_bg_p95": 2291.4395019531244,
  "summary_bg_stdv": 1230.818115234375,
  "summary_fg_k": 2.9900614650884902,
  "summary_fg_mad": 4406.186652222702,
  "summary_fg_mean": 29880.90234375,
  "summary_fg_median": 29072.18359375,
  "summary_fg_n": 32547.0,
  "summary_fg_p05": 23161.6259765625,
  "summary_fg_p95": 39208.0765625,
  "summary_fg_stdv": 5310.8642578125,
  "tsnr": 89.08710479736328
}