{
  "bids_meta": {
    "AcquisitionNumber": 2,
    "BidsifyVersion": "0.3.5",
    "ConversionSoftware": "dcm2niix",
    "ConversionSoftwareVersion": "v1.0.20181125  GCC6.3.0",
    "EchoTime": 0.00383,
    "ImageComments": "PIOP2",
    "ImageOrientationPatientDICOM": [
      0.999945,
      0.00928809,
      -0.00495132,
      -0.00802824,
      0.977262,
      0.211883
    ],
    "Manufacturer": "Philips",
    "NumberSignalAcquisitions": 2,
    "PatientPosition": "HFS",
    "PhilipsRescaleIntercept": 0,
    "PhilipsRescaleSlope": 8.6928,
    "PhilipsScaleSlope": 0.00676849,
    "ProtocolName": "WIPT1anat_acq-6m_T1wSENSE",
    "ReconMatrixPE": 240,
    "RepetitionTime": 0.008316,
    "SeriesDescription": "ImageMRSERIES",
    "SeriesNumber": 2,
    "UsePhilipsFloatNotDisplayScaling": 1,
    "dataset": "ds002790",
    "modality": "T1w",
    "subject_id": "0030"
  },
  "cjv": 0.261432614681899,
  "cnr": 4.74605460764155,
  "efc": 0.7618381189650748,
  "fber": 1981.7425537109375,
  "fwhm_avg": 4.824283155261697,
  "fwhm_x": 4.4813194657850906,
  "fwhm_y": 4.89627,
  "fwhm_z": 5.09526,
  "icvs_csf": 0.27006373687140434,
  "icvs_gm": 0.3877680492140742,
  "icvs_wm": 0.34216821391452146,
  "inu_med": 1.698362112045288,
  "inu_range": 0.37382882833480835,
  "provenance": {
    "md5sum": "410deecdbf1b2c5649bbd75d4ffe6b87",
    "settings": {
      "testing": false
    },
    "software": "mriqc",
    "version": "22.0.0rc1",
    "warnings": {
      "large_rot_frame": true,
      "small_air_mask": true
    },
    "webapi_port": null,
    "webapi_url": "https://mriqc.nimh.nih.gov/api/v1"
  },
  "qi_1": 0.0,
  "qi_2": 0.00013142688974276877,
  "rpve_csf": 21.374781858835398,
  "rpve_gm": 14.176187287319495,
  "rpve_wm": 20.901894523797676,
  "size_x": 240,
  "size_y": 240,
  "size_z": 220,
  "snr_csf": 3.049939398131196,
  "snr_gm": 9.914789230360782,
  "snr_total": 12.999954690515684,
  "snr_wm": 26.035135443055072,
  "snrd_csf": 25.408845751184785,
  "snrd_gm": 59.30760902702792,
  "snrd_total": 59.04510659067636,
  "snrd_wm": 92.41886499381637,
  "spacing_x": 1.0000001192092896,
  "spacing_y": 1.0,
  "spacing_z": 1.0,
  "summary_bg_k": 23.793160071124728,
  "summary_bg_mad": 7.088739930498255,
  "summary_bg_mean": 7.033748149871826,
  "summary_bg_median": 4.905246257781982,
  "summary_bg_n": 175506.0,
  "summary_bg_p05": 0.0,
  "summary_bg_p95": 19.363734245300293,
  "summary_bg_stdv": 5.845877170562744,
  "summary_csf_k": -0.35069257670202436,
  "summary_csf_mad": 100.21914562730167,
  "summary_csf_mean": 271.83245849609375,
  "summary_csf_median": 274.9300842285156,
  "summary_csf_n": 23315.0,
  "summary_csf_p05": 124.72658996582031,
  "summary_csf_p95": 412.2046264648437,
  "summary_csf_stdv": 90.140869140625,
  "summary_gm_k": 0.5595581129105471,
  "summary_gm_mad": 60.65855590371235,
  "summary_gm_mean": 646.0244750976562,
  "summary_gm_median": 641.7232055664062,
  "summary_gm_n": 32427.0,
  "summary_gm_p05": 549.3309265136719,
  "summary_gm_p95": 761.8524353027343,
  "summary_gm_stdv": 64.72283935546875,
  "summary_wm_k": 1.5723838584785819,
  "summary_wm_mad": 33.00545458821388,
  "summary_wm_mean": 996.4051513671875,
  "summary_wm_median": 999.9953002929688,
  "summary_wm_n": 213885.0,
  "summary_wm_p05": 926.2860473632812,
  "summary_wm_p95": 1051.459765625,
  "summary_wm_stdv": 38.40936279296875,
  "tpm_overlap_csf": 0.17123273015022278,
  "tpm_overlap_gm": 0.443020224571228,
  "tpm_overlap_wm": 0.5215046405792236,
  "wm2max": 0.9149014208825802
}