{
  "bids_meta": {
    "AcquisitionNumber": 2,
    "BidsifyVersion": "0.3.5",
    "ConversionSoftware": "dcm2niix",
    "ConversionSoftwareVersion": "v1.0.20181125  GCC6.3.0",
    "EchoTime": 0.00377,
    "ImageComments": "PIOP2",
    "ImageOrientationPatientDICOM": [
      0.998247,
      -0.059174,
      -0.00099973,
      0.059132,
      0.996556,
      0.0581293
    ],
    "Manufacturer": "Philips",
    "NumberSignalAcquisitions": 2,
    "PatientPosition": "HFS",
    "PhilipsRescaleIntercept": 0,
    "PhilipsRescaleSlope": 8.88205,
    "PhilipsScaleSlope": 0.00704687,
    "ProtocolName": "WIPT1anat_acq-6m_T1wSENSE",
    "ReconMatrixPE": 240,
    "RepetitionTime": 0.008182,
    "SeriesDescription": "ImageMRSERIES",
    "SeriesNumber": 2,
    "UsePhilipsFloatNotDisplayScaling": 1,
    "dataset": "ds002790",
    "modality": "T1w",
    "subject_id": "0165"
  },
  "cjv": 0.2898253311397795,
  "cnr": 4.132139247068673,
  "efc": 0.7706124658548298,
  "fber": 1335.05029296875,
  "fwhm_avg": 4.497646666666667,
  "fwhm_x": 4.12345,
  "fwhm_y": 4.61076,
  "fwhm_z": 4.75873,
  "icvs_csf": 0.25153447157139813,
  "icvs_gm": 0.4081329635297455,
  "icvs_wm": 0.3403325648988564,
  "inu_med": 1.662061095237732,
  "inu_range": 0.506983494758606,
  "provenance": {
    "md5sum": "16d18b612cd5f90c1adf974c4832d81e",
    "settings": {
      "testing": false
    },
    "software": "mriqc",
    "version": "22.0.0rc1",
    "warnings": {
      "large_rot_frame": true,
      "small_air_mask": true
    },
    "webapi_port": null,
    "webapi_url": "https://mriqc.nimh.nih.gov/api/v1"
  },
  "qi_1": 0.0006933100330509441,
  "qi_2": 0.00012815354645457058,
  "rpve_csf": 26.00984542231353,
  "rpve_gm": 15.821206732328145,
  "rpve_wm": 24.05135437380488,
  "size_x": 240,
  "size_y": 240,
  "size_z": 220,
  "snr_csf": 2.5904242189388644,
  "snr_gm": 8.672486624586035,
  "snr_total": 11.499389324261367,
  "snr_wm": 23.235257129259207,
  "snrd_csf": 19.936117836751293,
  "snrd_gm": 43.66793455916452,
  "snrd_total": 43.80736259797944,
  "snrd_wm": 67.81803539802249,
  "spacing_x": 1.0,
  "spacing_y": 1.0,
  "spacing_z": 1.0,
  "summary_bg_k": 5.199791152549761,
  "summary_bg_mad": 9.660229955434229,
  "summary_bg_mean": 10.172715187072754,
  "summary_bg_median": 6.726255416870117,
  "summary_bg_n": 159674.0,
  "summary_bg_p05": 0.0,
  "summary_bg_p95": 26.21884231567383,
  "summary_bg_stdv": 7.887291431427002,
  "summary_csf_k": -0.9715786183158306,
  "summary_csf_mad": 136.94293744147132,
  "summary_csf_mean": 281.1805419921875,
  "summary_csf_median": 293.9654846191406,
  "summary_csf_n": 11385.0,
  "summary_csf_p05": 98.18101043701172,
  "summary_csf_p95": 451.245098876953,
  "summary_csf_stdv": 113.47661590576172,
  "summary_gm_k": 0.5116437491642172,
  "summary_gm_mad": 68.49352586738853,
  "summary_gm_mean": 650.3829956054688,
  "summary_gm_median": 643.8999633789062,
  "summary_gm_n": 23991.0,
  "summary_gm_p05": 541.9442443847656,
  "summary_gm_p95": 785.8237609863281,
  "summary_gm_stdv": 74.24474334716797,
  "summary_wm_k": 1.9587331585376129,
  "summary_wm_mad": 34.713921988444945,
  "summary_wm_mean": 996.94970703125,
  "summary_wm_median": 1000.002197265625,
  "summary_wm_n": 173117.0,
  "summary_wm_p05": 919.2208618164062,
  "summary_wm_p95": 1060.8234374999997,
  "summary_wm_stdv": 43.03801345825195,
  "tpm_overlap_csf": 0.1630142778158188,
  "tpm_overlap_gm": 0.4364597201347351,
  "tpm_overlap_wm": 0.49314814805984497,
  "wm2max": 0.7139057601493347
}