{
  "aor": 0.00145875,
  "aqi": 0.0089347599375,
  "bids_meta": {
    "AcquisitionNumber": 3,
    "BidsifyVersion": "0.3.5",
    "ConversionSoftware": "dcm2niix",
    "ConversionSoftwareVersion": "v1.0.20181125  GCC6.3.0",
    "EchoTime": 0.02763,
    "EffectiveEchoSpacing": 0.0006909035636805814,
    "FlipAngle": 76.1,
    "ImageComments": "PIOP2",
    "ImageOrientationPatientDICOM": [
      0.998011,
      0.0625341,
      -0.00802241,
      -0.0624398,
      0.997982,
      0.0115188
    ],
    "Manufacturer": "Philips",
    "NumberOfVolumesDiscardedByScanner": 2,
    "ParallelAcquisitionTechnique": "SENSE",
    "ParallelReductionFactorInPlane": 2,
    "PatientPosition": "HFS",
    "PhaseEncodingDirection": "j",
    "PhilipsRescaleIntercept": 0,
    "PhilipsRescaleSlope": 0.7956,
    "PhilipsScaleSlope": 0.0567657,
    "ProtocolName": "WIPtask-wm_boldSENSE",
    "PulseSequenceType": "gradient echo EPI",
    "ReconMatrixPE": 80,
    "RepetitionTime": 2,
    "SeriesDescription": "ImageMRSERIES",
    "SeriesNumber": 3,
    "SliceEncodingDirection": "k",
    "SliceTiming": [
      0.0,
      0.0556,
      0.1111,
      0.1667,
      0.2222,
      0.2778,
      0.3333,
      0.3889,
      0.4444,
      0.5,
      0.5556,
      0.6111,
      0.6667,
      0.7222,
      0.7778,
      0.8333,
      0.8889,
      0.9444,
      1.0,
      1.0556,
      1.1111,
      1.1667,
      1.2222,
      1.2778,
      1.3333,
      1.3889,
      1.4444,
      1.5,
      1.5556,
      1.6111,
      1.6667,
      1.7222,
      1.7778,
      1.8333,
      1.8889,
      1.9444
    ],
    "TaskName": "workingmemory",
    "TotalReadoutTime": 0.026945238983542674,
    "UsePhilipsFloatNotDisplayScaling": 1,
    "WaterFatShift": 12,
    "acq_id": "seq",
    "dataset": "ds002790",
    "modality": "bold",
    "subject_id": "0082",
    "task_id": "workingmemory"
  },
  "dummy_trs": 0,
  "dvars_nstd": 20.52693222452831,
  "dvars_std": 1.2222905935220132,
  "dvars_vstd": 0.9305644843396227,
  "efc": 0.4109736628494366,
  "fber": 226962.09375,
  "fd_mean": 0.14319156214659243,
  "fd_num": 21,
  "fd_perc": 13.125,
  "fwhm_avg": 1.9805165746153393,
  "fwhm_x": 1.89138,
  "fwhm_y": 2.190166666666667,
  "fwhm_z": 1.8600030571793509,
  "gcor": 0.0290867,
  "gsr_x": -0.020889077335596085,
  "gsr_y": 0.015450194478034973,
  "provenance": {
    "md5sum": "bc8a5b4b1f3c8f546e14db01cc8b61bf",
    "settings": {
      "fd_thres": 0.2,
      "testing": false
    },
    "software": "mriqc",
    "version": "22.0.0rc1",
    "webapi_port": null,
    "webapi_url": "https://mriqc.nimh.nih.gov/api/v1"
  },
  "size_t": 160,
  "size_x": 80,
  "size_y": 80,
  "size_z": 36,
  "snr": 5.794973048662638,
  "spacing_tr": 2.0,
  "spacing_x": 3.0,
  "spacing_y": 3.0,
  "spacing_z": 3.299999952316284,
  "summary_bg_k": 120.42318659022217,
  "summary_bg_mad": 54.94603204886997,
  "summary_bg_mean": 503.9576721191406,
  "summary_bg_median": 54.60676956176758,
  "summary_bg_n": 158043.0,
  "summary_bg_p05": 6.043710565567018,
  "summary_bg_p95": 2274.2421875,
  "summary_bg_stdv": 1644.6656494140625,
  "summary_fg_k": 2.2213920718027786,
  "summary_fg_mad": 4162.676477101802,
  "summary_fg_mean": 26793.94140625,
  "summary_fg_median": 26413.85546875,
  "summary_fg_n": 33064.0,
  "summary_fg_p05": 20216.0671875,
  "summary_fg_p95": 34272.09316406249,
  "summary_fg_stdv": 4557.99462890625,
  "tsnr": 73.02531433105469
}