{
  "bids_meta": {
    "AcquisitionNumber": 2,
    "BidsifyVersion": "0.3.5",
    "ConversionSoftware": "dcm2niix",
    "ConversionSoftwareVersion": "v1.0.20181125  GCC6.3.0",
    "EchoTime": 0.00375,
    "ImageComments": "PIOP2",
    "ImageOrientationPatientDICOM": [
      0.998788,
      0.0304485,
      0.0386704,
      -0.0282476,
      0.998018,
      -0.0562402
    ],
    "Manufacturer": "Philips",
    "NumberSignalAcquisitions": 2,
    "PatientPosition": "HFS",
    "PhilipsRescaleIntercept": 0,
    "PhilipsRescaleSlope": 9.08987,
    "PhilipsScaleSlope": 0.00727631,
    "ProtocolName": "WIPT1anat_acq-6m_T1wSENSE",
    "ReconMatrixPE": 240,
    "RepetitionTime": 0.008179,
    "SeriesDescription": "ImageMRSERIES",
    "SeriesNumber": 2,
    "UsePhilipsFloatNotDisplayScaling": 1,
    "dataset": "ds002790",
    "modality": "T1w",
    "subject_id": "0128"
  },
  "cjv": 0.25262705235520444,
  "cnr": 4.811077134953504,
  "efc": 0.7637677490092096,
  "fber": 1211.959228515625,
  "fwhm_avg": 4.3504167552375845,
  "fwhm_x": 4.05535,
  "fwhm_y": 4.457920265712754,
  "fwhm_z": 4.53798,
  "icvs_csf": 0.24099625758033344,
  "icvs_gm": 0.4202391295085124,
  "icvs_wm": 0.3387646129111542,
  "inu_med": 1.1323812007904053,
  "inu_range": 0.2945221960544586,
  "provenance": {
    "md5sum": "c97a9bf4f3d42ed00f5e3e4dcb8bf5a0",
    "settings": {
      "testing": false
    },
    "software": "mriqc",
    "version": "22.0.0rc1",
    "warnings": {
      "large_rot_frame": true,
      "small_air_mask": true
    },
    "webapi_port": null,
    "webapi_url": "https://mriqc.nimh.nih.gov/api/v1"
  },
  "qi_1": 0.0,
  "qi_2": 0.00021338336488254208,
  "rpve_csf": 27.022051041568073,
  "rpve_gm": 15.889123405726986,
  "rpve_wm": 24.762448193907016,
  "size_x": 240,
  "size_y": 240,
  "size_z": 220,
  "snr_csf": 2.901129940712888,
  "snr_gm": 9.583997906014943,
  "snr_total": 12.385502849318343,
  "snr_wm": 24.671380701227196,
  "snrd_csf": 19.918175776241167,
  "snrd_gm": 41.95065275028584,
  "snrd_total": 43.060384415977104,
  "snrd_wm": 67.31232472140431,
  "spacing_x": 1.0,
  "spacing_y": 0.9999999403953552,
  "spacing_z": 1.0,
  "summary_bg_k": 2195.589333909504,
  "summary_bg_mad": 9.732755196852564,
  "summary_bg_mean": 10.239079475402832,
  "summary_bg_median": 6.760127067565918,
  "summary_bg_n": 103416.0,
  "summary_bg_p05": 0.0,
  "summary_bg_p95": 20.30912494659424,
  "summary_bg_stdv": 16.18039894104004,
  "summary_csf_k": -0.34540635838603695,
  "summary_csf_mad": 94.48869892688417,
  "summary_csf_mean": 276.2950744628906,
  "summary_csf_median": 295.9059143066406,
  "summary_csf_n": 12287.0,
  "summary_csf_p05": 96.12047882080078,
  "summary_csf_p95": 415.9686584472655,
  "summary_csf_stdv": 101.99263000488281,
  "summary_gm_k": 0.6674724922329753,
  "summary_gm_mad": 60.73705672308208,
  "summary_gm_mean": 627.3500366210938,
  "summary_gm_median": 623.2220458984375,
  "summary_gm_n": 26366.0,
  "summary_gm_p05": 529.7618103027344,
  "summary_gm_p95": 740.6887817382812,
  "summary_gm_stdv": 65.026123046875,
  "summary_wm_k": 1.7075347012485595,
  "summary_wm_mad": 34.44647625743949,
  "summary_wm_mean": 996.118896484375,
  "summary_wm_median": 999.9969482421875,
  "summary_wm_n": 163908.0,
  "summary_wm_p05": 922.3188507080079,
  "summary_wm_p95": 1054.194189453125,
  "summary_wm_stdv": 40.53254699707031,
  "tpm_overlap_csf": 0.1716102659702301,
  "tpm_overlap_gm": 0.453962504863739,
  "tpm_overlap_wm": 0.5117979645729065,
  "wm2max": 0.6992857213532347
}