{
  "aor": 0.001971625,
  "aqi": 0.0037175512083333336,
  "bids_meta": {
    "AcquisitionNumber": 4,
    "BidsifyVersion": "0.3.5",
    "ConversionSoftware": "dcm2niix",
    "ConversionSoftwareVersion": "v1.0.20181125  GCC6.3.0",
    "EchoTime": 0.02763,
    "EffectiveEchoSpacing": 0.0006909035636805814,
    "FlipAngle": 76.1,
    "ImageComments": "PIOP2",
    "ImageOrientationPatientDICOM": [
      0.999151,
      -0.029295,
      -0.0289775,
      0.0291305,
      0.999557,
      -0.00608304
    ],
    "Manufacturer": "Philips",
    "NumberOfVolumesDiscardedByScanner": 2,
    "ParallelAcquisitionTechnique": "SENSE",
    "ParallelReductionFactorInPlane": 2,
    "PatientPosition": "HFS",
    "PhaseEncodingDirection": "j",
    "PhilipsRescaleIntercept": 0,
    "PhilipsRescaleSlope": 0.78877,
    "PhilipsScaleSlope": 0.0565349,
    "ProtocolName": "WIPtask-rest_boldSENSE",
    "PulseSequenceType": "gradient echo EPI",
    "ReconMatrixPE": 80,
    "RepetitionTime": 2,
    "SeriesDescription": "ImageMRSERIES",
    "SeriesNumber": 4,
    "SliceEncodingDirection": "k",
    "SliceTiming": [
      0.0,
      0.0556,
      0.1111,
      0.1667,
      0.2222,
      0.2778,
      0.3333,
      0.3889,
      0.4444,
      0.5,
      0.5556,
      0.6111,
      0.6667,
      0.7222,
      0.7778,
      0.8333,
      0.8889,
      0.9444,
      1.0,
      1.0556,
      1.1111,
      1.1667,
      1.2222,
      1.2778,
      1.3333,
      1.3889,
      1.4444,
      1.5,
      1.5556,
      1.6111,
      1.6667,
      1.7222,
      1.7778,
      1.8333,
      1.8889,
      1.9444
    ],
    "TaskName": "restingstate",
    "TotalReadoutTime": 0.026945238983542674,
    "UsePhilipsFloatNotDisplayScaling": 1,
    "WaterFatShift": 12,
    "acq_id": "seq",
    "dataset": "ds002790",
    "modality": "bold",
    "subject_id": "0186",
    "task_id": "restingstate"
  },
  "dummy_trs": 0,
  "dvars_nstd": 17.267937947698734,
  "dvars_std": 1.1394067328033466,
  "dvars_vstd": 0.9987352056066944,
  "efc": 0.41038321079203094,
  "fber": 224026.203125,
  "fd_mean": 0.17772700946262565,
  "fd_num": 61,
  "fd_perc": 25.416666666666668,
  "fwhm_avg": 2.0305965746655916,
  "fwhm_x": 1.9944266666666666,
  "fwhm_y": 2.226926666666667,
  "fwhm_z": 1.8704363906634416,
  "gcor": 0.0451503,
  "gsr_x": -0.013178538531064987,
  "gsr_y": 0.0076447343453764915,
  "provenance": {
    "md5sum": "08feecdd84af35431d15e7608502fa1b",
    "settings": {
      "fd_thres": 0.2,
      "testing": false
    },
    "software": "mriqc",
    "version": "22.0.0rc1",
    "webapi_port": null,
    "webapi_url": "https://mriqc.nimh.nih.gov/api/v1"
  },
  "size_t": 240,
  "size_x": 80,
  "size_y": 80,
  "size_z": 36,
  "snr": 6.035055855200876,
  "spacing_tr": 2.0,
  "spacing_x": 3.0,
  "spacing_y": 3.0,
  "spacing_z": 3.299999952316284,
  "summary_bg_k": 58.85332047515871,
  "summary_bg_mad": 55.70297535129077,
  "summary_bg_mean": 378.6922912597656,
  "summary_bg_median": 50.0844841003418,
  "summary_bg_n": 156861.0,
  "summary_bg_p05": 3.505403995513916,
  "summary_bg_p95": 1835.1298828125,
  "summary_bg_stdv": 1110.9403076171875,
  "summary_fg_k": 1.0254225628031959,
  "summary_fg_mad": 3959.9755071867603,
  "summary_fg_mean": 24573.384765625,
  "summary_fg_median": 24263.150390625,
  "summary_fg_n": 33513.0,
  "summary_fg_p05": 18754.34765625,
  "summary_fg_p95": 31354.456640624983,
  "summary_fg_stdv": 4020.308837890625,
  "tsnr": 88.62153625488281
}