{
  "aor": 0.008890750000000001,
  "aqi": 0.007136279916666667,
  "bids_meta": {
    "AcquisitionNumber": 4,
    "BidsifyVersion": "0.3.5",
    "ConversionSoftware": "dcm2niix",
    "ConversionSoftwareVersion": "v1.0.20181125  GCC6.3.0",
    "EchoTime": 0.02763,
    "EffectiveEchoSpacing": 0.0006909035636805814,
    "FlipAngle": 76.1,
    "ImageComments": "PIOP2",
    "ImageOrientationPatientDICOM": [
      0.999601,
      -0.0138788,
      -0.0246089,
      0.012911,
      0.999154,
      -0.0390577
    ],
    "Manufacturer": "Philips",
    "NumberOfVolumesDiscardedByScanner": 2,
    "ParallelAcquisitionTechnique": "SENSE",
    "ParallelReductionFactorInPlane": 2,
    "PatientPosition": "HFS",
    "PhaseEncodingDirection": "j",
    "PhilipsRescaleIntercept": 0,
    "PhilipsRescaleSlope": 0.82173,
    "PhilipsScaleSlope": 0.0529315,
    "ProtocolName": "WIPtask-rest_boldSENSE",
    "PulseSequenceType": "gradient echo EPI",
    "ReconMatrixPE": 80,
    "RepetitionTime": 2,
    "SeriesDescription": "ImageMRSERIES",
    "SeriesNumber": 4,
    "SliceEncodingDirection": "k",
    "SliceTiming": [
      0.0,
      0.0556,
      0.1111,
      0.1667,
      0.2222,
      0.2778,
      0.3333,
      0.3889,
      0.4444,
      0.5,
      0.5556,
      0.6111,
      0.6667,
      0.7222,
      0.7778,
      0.8333,
      0.8889,
      0.9444,
      1.0,
      1.0556,
      1.1111,
      1.1667,
      1.2222,
      1.2778,
      1.3333,
      1.3889,
      1.4444,
      1.5,
      1.5556,
      1.6111,
      1.6667,
      1.7222,
      1.7778,
      1.8333,
      1.8889,
      1.9444
    ],
    "TaskName": "restingstate",
    "TotalReadoutTime": 0.026945238983542674,
    "UsePhilipsFloatNotDisplayScaling": 1,
    "WaterFatShift": 12,
    "acq_id": "seq",
    "dataset": "ds002790",
    "modality": "bold",
    "subject_id": "0078",
    "task_id": "restingstate"
  },
  "dummy_trs": 0,
  "dvars_nstd": 22.0814565558159,
  "dvars_std": 1.3808447830125525,
  "dvars_vstd": 1.0740808964435147,
  "efc": 0.44315428859597183,
  "fber": 208794.8125,
  "fd_mean": 0.17624609454967866,
  "fd_num": 52,
  "fd_perc": 21.666666666666668,
  "fwhm_avg": 2.0621133426692273,
  "fwhm_x": 1.9430333333333334,
  "fwhm_y": 2.305006666666667,
  "fwhm_z": 1.9383000280076812,
  "gcor": 0.0336452,
  "gsr_x": -0.015630273148417473,
  "gsr_y": 0.023779751732945442,
  "provenance": {
    "md5sum": "45da69358af54ef157d6028776c51928",
    "settings": {
      "fd_thres": 0.2,
      "testing": false
    },
    "software": "mriqc",
    "version": "22.0.0rc1",
    "webapi_port": null,
    "webapi_url": "https://mriqc.nimh.nih.gov/api/v1"
  },
  "size_t": 240,
  "size_x": 80,
  "size_y": 80,
  "size_z": 36,
  "snr": 5.611724918293522,
  "spacing_tr": 2.0,
  "spacing_x": 3.0,
  "spacing_y": 3.0,
  "spacing_z": 3.299999952316284,
  "summary_bg_k": 69.6419256268825,
  "summary_bg_mad": 62.68044121868423,
  "summary_bg_mean": 583.2130126953125,
  "summary_bg_median": 56.33331298828125,
  "summary_bg_n": 151184.0,
  "summary_bg_p05": 5.447904014587403,
  "summary_bg_p95": 2914.2022094726562,
  "summary_bg_stdv": 1640.53662109375,
  "summary_fg_k": 1.5735584905442064,
  "summary_fg_mad": 4348.059668564163,
  "summary_fg_mean": 26712.0546875,
  "summary_fg_median": 26305.83984375,
  "summary_fg_n": 38128.0,
  "summary_fg_p05": 19861.20263671875,
  "summary_fg_p95": 34521.2248046875,
  "summary_fg_stdv": 4687.59521484375,
  "tsnr": 69.22099304199219
}