{
  "aor": 0.0198050625,
  "aqi": 0.009530423125000001,
  "bids_meta": {
    "AcquisitionNumber": 3,
    "BidsifyVersion": "0.3.5",
    "ConversionSoftware": "dcm2niix",
    "ConversionSoftwareVersion": "v1.0.20181125  GCC6.3.0",
    "EchoTime": 0.02763,
    "EffectiveEchoSpacing": 0.0006909035636805814,
    "FlipAngle": 76.1,
    "ImageComments": "PIOP2",
    "ImageOrientationPatientDICOM": [
      0.999601,
      -0.0138788,
      -0.0246089,
      0.012911,
      0.999154,
      -0.0390577
    ],
    "Manufacturer": "Philips",
    "NumberOfVolumesDiscardedByScanner": 2,
    "ParallelAcquisitionTechnique": "SENSE",
    "ParallelReductionFactorInPlane": 2,
    "PatientPosition": "HFS",
    "PhaseEncodingDirection": "j",
    "PhilipsRescaleIntercept": 0,
    "PhilipsRescaleSlope": 0.78877,
    "PhilipsScaleSlope": 0.052633,
    "ProtocolName": "WIPtask-wm_boldSENSE",
    "PulseSequenceType": "gradient echo EPI",
    "ReconMatrixPE": 80,
    "RepetitionTime": 2,
    "SeriesDescription": "ImageMRSERIES",
    "SeriesNumber": 3,
    "SliceEncodingDirection": "k",
    "SliceTiming": [
      0.0,
      0.0556,
      0.1111,
      0.1667,
      0.2222,
      0.2778,
      0.3333,
      0.3889,
      0.4444,
      0.5,
      0.5556,
      0.6111,
      0.6667,
      0.7222,
      0.7778,
      0.8333,
      0.8889,
      0.9444,
      1.0,
      1.0556,
      1.1111,
      1.1667,
      1.2222,
      1.2778,
      1.3333,
      1.3889,
      1.4444,
      1.5,
      1.5556,
      1.6111,
      1.6667,
      1.7222,
      1.7778,
      1.8333,
      1.8889,
      1.9444
    ],
    "TaskName": "workingmemory",
    "TotalReadoutTime": 0.026945238983542674,
    "UsePhilipsFloatNotDisplayScaling": 1,
    "WaterFatShift": 12,
    "acq_id": "seq",
    "dataset": "ds002790",
    "modality": "bold",
    "subject_id": "0078",
    "task_id": "workingmemory"
  },
  "dummy_trs": 0,
  "dvars_nstd": 20.611915666477987,
  "dvars_std": 1.3583481836477984,
  "dvars_vstd": 1.0744104855345908,
  "efc": 0.44217456822947704,
  "fber": 214250.265625,
  "fd_mean": 0.12015297423838474,
  "fd_num": 14,
  "fd_perc": 8.75,
  "fwhm_avg": 2.074189807381868,
  "fwhm_x": 1.9498499999999999,
  "fwhm_y": 2.32068,
  "fwhm_z": 1.9520394221456039,
  "gcor": 0.0231516,
  "gsr_x": -0.015349471010267735,
  "gsr_y": 0.022716421633958817,
  "provenance": {
    "md5sum": "ede9ff0774adc641623ae83e01765e15",
    "settings": {
      "fd_thres": 0.2,
      "testing": false
    },
    "software": "mriqc",
    "version": "22.0.0rc1",
    "webapi_port": null,
    "webapi_url": "https://mriqc.nimh.nih.gov/api/v1"
  },
  "size_t": 160,
  "size_x": 80,
  "size_y": 80,
  "size_z": 36,
  "snr": 5.598709564100422,
  "spacing_tr": 2.0,
  "spacing_x": 3.0,
  "spacing_y": 3.0,
  "spacing_z": 3.299999952316284,
  "summary_bg_k": 69.04409443329651,
  "summary_bg_mad": 61.69513151066432,
  "summary_bg_mean": 580.3577880859375,
  "summary_bg_median": 56.47947311401367,
  "summary_bg_n": 151361.0,
  "summary_bg_p05": 6.3028974533081055,
  "summary_bg_p95": 2938.362060546875,
  "summary_bg_stdv": 1628.7454833984375,
  "summary_fg_k": 1.5397599368758206,
  "summary_fg_mad": 4408.271561592475,
  "summary_fg_mean": 27061.23046875,
  "summary_fg_median": 26680.962890625,
  "summary_fg_n": 38036.0,
  "summary_fg_p05": 20092.93896484375,
  "summary_fg_p95": 35034.6455078125,
  "summary_fg_stdv": 4765.4931640625,
  "tsnr": 72.37281799316406
}