{
  "aor": 0.0027977916666666667,
  "aqi": 0.005358015791666667,
  "bids_meta": {
    "AcquisitionNumber": 4,
    "BidsifyVersion": "0.3.5",
    "ConversionSoftware": "dcm2niix",
    "ConversionSoftwareVersion": "v1.0.20181125  GCC6.3.0",
    "EchoTime": 0.02763,
    "EffectiveEchoSpacing": 0.0006909035636805814,
    "FlipAngle": 76.1,
    "ImageComments": "PIOP2",
    "ImageOrientationPatientDICOM": [
      0.998502,
      0.008916,
      -0.0539823,
      -0.0228335,
      0.964514,
      -0.263044
    ],
    "Manufacturer": "Philips",
    "NumberOfVolumesDiscardedByScanner": 2,
    "ParallelAcquisitionTechnique": "SENSE",
    "ParallelReductionFactorInPlane": 2,
    "PatientPosition": "HFS",
    "PhaseEncodingDirection": "j",
    "PhilipsRescaleIntercept": 0,
    "PhilipsRescaleSlope": 0.78974,
    "PhilipsScaleSlope": 0.0575939,
    "ProtocolName": "WIPtask-rest_boldSENSE",
    "PulseSequenceType": "gradient echo EPI",
    "ReconMatrixPE": 80,
    "RepetitionTime": 2,
    "SeriesDescription": "ImageMRSERIES",
    "SeriesNumber": 4,
    "SliceEncodingDirection": "k",
    "SliceTiming": [
      0.0,
      0.0556,
      0.1111,
      0.1667,
      0.2222,
      0.2778,
      0.3333,
      0.3889,
      0.4444,
      0.5,
      0.5556,
      0.6111,
      0.6667,
      0.7222,
      0.7778,
      0.8333,
      0.8889,
      0.9444,
      1.0,
      1.0556,
      1.1111,
      1.1667,
      1.2222,
      1.2778,
      1.3333,
      1.3889,
      1.4444,
      1.5,
      1.5556,
      1.6111,
      1.6667,
      1.7222,
      1.7778,
      1.8333,
      1.8889,
      1.9444
    ],
    "TaskName": "restingstate",
    "TotalReadoutTime": 0.026945238983542674,
    "UsePhilipsFloatNotDisplayScaling": 1,
    "WaterFatShift": 12,
    "acq_id": "seq",
    "dataset": "ds002790",
    "modality": "bold",
    "subject_id": "0185",
    "task_id": "restingstate"
  },
  "dummy_trs": 0,
  "dvars_nstd": 17.059795834351466,
  "dvars_std": 1.2206735535983257,
  "dvars_vstd": 0.9968690958577403,
  "efc": 0.4180387796783698,
  "fber": 202093.828125,
  "fd_mean": 0.10485835965615069,
  "fd_num": 5,
  "fd_perc": 2.0833333333333335,
  "fwhm_avg": 1.971678797018663,
  "fwhm_x": 1.9047233333333333,
  "fwhm_y": 2.11271,
  "fwhm_z": 1.897603057722656,
  "gcor": 0.0181286,
  "gsr_x": -0.03085053712129593,
  "gsr_y": 0.020053356885910034,
  "provenance": {
    "md5sum": "7ded53789cc014bcd14daf86c43a6c55",
    "settings": {
      "fd_thres": 0.2,
      "testing": false
    },
    "software": "mriqc",
    "version": "22.0.0rc1",
    "webapi_port": null,
    "webapi_url": "https://mriqc.nimh.nih.gov/api/v1"
  },
  "size_t": 240,
  "size_x": 80,
  "size_y": 80,
  "size_z": 36,
  "snr": 6.043442943900485,
  "spacing_tr": 2.0,
  "spacing_x": 3.0,
  "spacing_y": 3.0,
  "spacing_z": 3.299999952316284,
  "summary_bg_k": 60.219566858848154,
  "summary_bg_mad": 54.65965110581482,
  "summary_bg_mean": 735.5455322265625,
  "summary_bg_median": 54.712223052978516,
  "summary_bg_n": 159181.0,
  "summary_bg_p05": 7.014769077301025,
  "summary_bg_p95": 3931.851318359375,
  "summary_bg_stdv": 2228.042724609375,
  "summary_fg_k": 1.6594247011190264,
  "summary_fg_mad": 3756.4898005505956,
  "summary_fg_mean": 25738.02734375,
  "summary_fg_median": 25211.08203125,
  "summary_fg_n": 31098.0,
  "summary_fg_p05": 20040.1568359375,
  "summary_fg_p95": 33186.343945312496,
  "summary_fg_stdv": 4171.5751953125,
  "tsnr": 84.82879638671875
}