{
  "aor": 0.003465381165919283,
  "aqi": 0.005123768520179372,
  "bids_meta": {
    "AcquisitionNumber": 7,
    "BidsifyVersion": "0.3.5",
    "ConversionSoftware": "dcm2niix",
    "ConversionSoftwareVersion": "v1.0.20181125  GCC6.3.0",
    "EchoTime": 0.02763,
    "EffectiveEchoSpacing": 0.0006909035636805814,
    "FlipAngle": 76.1,
    "ImageComments": "PIOP2",
    "ImageOrientationPatientDICOM": [
      0.998502,
      0.008916,
      -0.0539823,
      -0.0228335,
      0.964514,
      -0.263044
    ],
    "Manufacturer": "Philips",
    "NumberOfVolumesDiscardedByScanner": 2,
    "ParallelAcquisitionTechnique": "SENSE",
    "ParallelReductionFactorInPlane": 2,
    "PatientPosition": "HFS",
    "PhaseEncodingDirection": "j",
    "PhilipsRescaleIntercept": 0,
    "PhilipsRescaleSlope": 0.77094,
    "PhilipsScaleSlope": 0.0570325,
    "ProtocolName": "WIPtask-stop_boldSENSE",
    "PulseSequenceType": "gradient echo EPI",
    "ReconMatrixPE": 80,
    "RepetitionTime": 2,
    "SeriesDescription": "ImageMRSERIES",
    "SeriesNumber": 7,
    "SliceEncodingDirection": "k",
    "SliceTiming": [
      0.0,
      0.0556,
      0.1111,
      0.1667,
      0.2222,
      0.2778,
      0.3333,
      0.3889,
      0.4444,
      0.5,
      0.5556,
      0.6111,
      0.6667,
      0.7222,
      0.7778,
      0.8333,
      0.8889,
      0.9444,
      1.0,
      1.0556,
      1.1111,
      1.1667,
      1.2222,
      1.2778,
      1.3333,
      1.3889,
      1.4444,
      1.5,
      1.5556,
      1.6111,
      1.6667,
      1.7222,
      1.7778,
      1.8333,
      1.8889,
      1.9444
    ],
    "TaskName": "stopsignal",
    "TotalReadoutTime": 0.026945238983542674,
    "UsePhilipsFloatNotDisplayScaling": 1,
    "WaterFatShift": 12,
    "acq_id": "seq",
    "dataset": "ds002790",
    "modality": "bold",
    "subject_id": "0185",
    "task_id": "stopsignal"
  },
  "dummy_trs": 0,
  "dvars_nstd": 18.172320494999994,
  "dvars_std": 1.247934030900901,
  "dvars_vstd": 1.0142855316666661,
  "efc": 0.4177543048696323,
  "fber": 206778.46875,
  "fd_mean": 0.131666942680028,
  "fd_num": 16,
  "fd_perc": 7.174887892376682,
  "fwhm_avg": 1.989380918245088,
  "fwhm_x": 1.9342133333333333,
  "fwhm_y": 2.133356666666667,
  "fwhm_z": 1.900572754735264,
  "gcor": 0.0231826,
  "gsr_x": -0.03143039718270302,
  "gsr_y": 0.020702069625258446,
  "provenance": {
    "md5sum": "8a885abdf4b1372f7c29043c18298e01",
    "settings": {
      "fd_thres": 0.2,
      "testing": false
    },
    "software": "mriqc",
    "version": "22.0.0rc1",
    "webapi_port": null,
    "webapi_url": "https://mriqc.nimh.nih.gov/api/v1"
  },
  "size_t": 223,
  "size_x": 80,
  "size_y": 80,
  "size_z": 36,
  "snr": 5.803235662617389,
  "spacing_tr": 2.0,
  "spacing_x": 3.0,
  "spacing_y": 3.0,
  "spacing_z": 3.299999952316284,
  "summary_bg_k": 59.278879082112866,
  "summary_bg_mad": 55.88658837189905,
  "summary_bg_mean": 748.4833984375,
  "summary_bg_median": 54.47114944458008,
  "summary_bg_n": 159321.0,
  "summary_bg_p05": 5.911962509155273,
  "summary_bg_p95": 4021.1982421875,
  "summary_bg_stdv": 2256.563720703125,
  "summary_fg_k": 1.727708630333578,
  "summary_fg_mad": 3920.0031614362697,
  "summary_fg_mean": 25926.94140625,
  "summary_fg_median": 25317.4296875,
  "summary_fg_n": 30958.0,
  "summary_fg_p05": 20032.02412109375,
  "summary_fg_p95": 33746.191992187494,
  "summary_fg_stdv": 4362.56982421875,
  "tsnr": 86.68951416015625
}