{
  "aor": 0.0022705925925925927,
  "aqi": 0.0034735985925925922,
  "bids_meta": {
    "AcquisitionNumber": 8,
    "BidsifyVersion": "0.3.5",
    "ConversionSoftware": "dcm2niix",
    "ConversionSoftwareVersion": "v1.0.20181125  GCC6.3.0",
    "EchoTime": 0.02763,
    "EffectiveEchoSpacing": 0.0006909035636805814,
    "FlipAngle": 76.1,
    "ImageComments": "PIOP2",
    "ImageOrientationPatientDICOM": [
      0.998502,
      0.008916,
      -0.0539823,
      -0.0228335,
      0.964514,
      -0.263044
    ],
    "Manufacturer": "Philips",
    "NumberOfVolumesDiscardedByScanner": 2,
    "ParallelAcquisitionTechnique": "SENSE",
    "ParallelReductionFactorInPlane": 2,
    "PatientPosition": "HFS",
    "PhaseEncodingDirection": "j",
    "PhilipsRescaleIntercept": 0,
    "PhilipsRescaleSlope": 0.78217,
    "PhilipsScaleSlope": 0.057026,
    "ProtocolName": "WIPtask-harriri_boldSENSE",
    "PulseSequenceType": "gradient echo EPI",
    "ReconMatrixPE": 80,
    "RepetitionTime": 2,
    "SeriesDescription": "ImageMRSERIES",
    "SeriesNumber": 8,
    "SliceEncodingDirection": "k",
    "SliceTiming": [
      0.0,
      0.0556,
      0.1111,
      0.1667,
      0.2222,
      0.2778,
      0.3333,
      0.3889,
      0.4444,
      0.5,
      0.5556,
      0.6111,
      0.6667,
      0.7222,
      0.7778,
      0.8333,
      0.8889,
      0.9444,
      1.0,
      1.0556,
      1.1111,
      1.1667,
      1.2222,
      1.2778,
      1.3333,
      1.3889,
      1.4444,
      1.5,
      1.5556,
      1.6111,
      1.6667,
      1.7222,
      1.7778,
      1.8333,
      1.8889,
      1.9444
    ],
    "TaskName": "emomatching",
    "TotalReadoutTime": 0.026945238983542674,
    "UsePhilipsFloatNotDisplayScaling": 1,
    "WaterFatShift": 12,
    "acq_id": "seq",
    "dataset": "ds002790",
    "modality": "bold",
    "subject_id": "0185",
    "task_id": "emomatching"
  },
  "dummy_trs": 0,
  "dvars_nstd": 19.190260872985085,
  "dvars_std": 1.3086955015671642,
  "dvars_vstd": 1.0233437477611944,
  "efc": 0.41855281980843567,
  "fber": 210309.1875,
  "fd_mean": 0.1227796977117504,
  "fd_num": 11,
  "fd_perc": 8.148148148148149,
  "fwhm_avg": 1.9555172817684674,
  "fwhm_x": 1.8852933333333333,
  "fwhm_y": 2.1041433333333335,
  "fwhm_z": 1.8771151786387354,
  "gcor": 0.0347309,
  "gsr_x": -0.03147858381271362,
  "gsr_y": 0.02034066431224346,
  "provenance": {
    "md5sum": "871256dc92061b403080831a11115cf6",
    "settings": {
      "fd_thres": 0.2,
      "testing": false
    },
    "software": "mriqc",
    "version": "22.0.0rc1",
    "webapi_port": null,
    "webapi_url": "https://mriqc.nimh.nih.gov/api/v1"
  },
  "size_t": 135,
  "size_x": 80,
  "size_y": 80,
  "size_z": 36,
  "snr": 6.060438114437378,
  "spacing_tr": 2.0,
  "spacing_x": 3.0,
  "spacing_y": 3.0,
  "spacing_z": 3.299999952316284,
  "summary_bg_k": 56.891452927535305,
  "summary_bg_mad": 53.76614720113922,
  "summary_bg_mean": 750.6411743164062,
  "summary_bg_median": 53.51906967163086,
  "summary_bg_n": 159315.0,
  "summary_bg_p05": 5.392576980590822,
  "summary_bg_p95": 4061.548730468744,
  "summary_bg_stdv": 2257.97802734375,
  "summary_fg_k": 1.5979339172568334,
  "summary_fg_mad": 3729.063107361971,
  "summary_fg_mean": 25753.287109375,
  "summary_fg_median": 25212.76171875,
  "summary_fg_n": 30973.0,
  "summary_fg_p05": 20067.68671875,
  "summary_fg_p95": 33142.64140624999,
  "summary_fg_stdv": 4160.15380859375,
  "tsnr": 105.49952697753906
}