{
  "aor": 0.007845375000000002,
  "aqi": 0.0054116945625000005,
  "bids_meta": {
    "AcquisitionNumber": 3,
    "BidsifyVersion": "0.3.5",
    "ConversionSoftware": "dcm2niix",
    "ConversionSoftwareVersion": "v1.0.20181125  GCC6.3.0",
    "EchoTime": 0.02763,
    "EffectiveEchoSpacing": 0.0006909035636805814,
    "FlipAngle": 76.1,
    "ImageComments": "PIOP2",
    "ImageOrientationPatientDICOM": [
      0.998502,
      0.008916,
      -0.0539823,
      -0.0228335,
      0.964514,
      -0.263044
    ],
    "Manufacturer": "Philips",
    "NumberOfVolumesDiscardedByScanner": 2,
    "ParallelAcquisitionTechnique": "SENSE",
    "ParallelReductionFactorInPlane": 2,
    "PatientPosition": "HFS",
    "PhaseEncodingDirection": "j",
    "PhilipsRescaleIntercept": 0,
    "PhilipsRescaleSlope": 0.77021,
    "PhilipsScaleSlope": 0.057453,
    "ProtocolName": "WIPtask-wm_boldSENSE",
    "PulseSequenceType": "gradient echo EPI",
    "ReconMatrixPE": 80,
    "RepetitionTime": 2,
    "SeriesDescription": "ImageMRSERIES",
    "SeriesNumber": 3,
    "SliceEncodingDirection": "k",
    "SliceTiming": [
      0.0,
      0.0556,
      0.1111,
      0.1667,
      0.2222,
      0.2778,
      0.3333,
      0.3889,
      0.4444,
      0.5,
      0.5556,
      0.6111,
      0.6667,
      0.7222,
      0.7778,
      0.8333,
      0.8889,
      0.9444,
      1.0,
      1.0556,
      1.1111,
      1.1667,
      1.2222,
      1.2778,
      1.3333,
      1.3889,
      1.4444,
      1.5,
      1.5556,
      1.6111,
      1.6667,
      1.7222,
      1.7778,
      1.8333,
      1.8889,
      1.9444
    ],
    "TaskName": "workingmemory",
    "TotalReadoutTime": 0.026945238983542674,
    "UsePhilipsFloatNotDisplayScaling": 1,
    "WaterFatShift": 12,
    "acq_id": "seq",
    "dataset": "ds002790",
    "modality": "bold",
    "subject_id": "0185",
    "task_id": "workingmemory"
  },
  "dummy_trs": 0,
  "dvars_nstd": 16.98870433371069,
  "dvars_std": 1.227047390754717,
  "dvars_vstd": 1.0465495059748429,
  "efc": 0.4180276577266815,
  "fber": 200707.1875,
  "fd_mean": 0.13014248972331383,
  "fd_num": 19,
  "fd_perc": 11.875,
  "fwhm_avg": 1.9682461705589382,
  "fwhm_x": 1.9184066666666666,
  "fwhm_y": 2.1296500000000003,
  "fwhm_z": 1.8566818450101483,
  "gcor": 0.0211086,
  "gsr_x": -0.031241334974765778,
  "gsr_y": 0.020619740709662437,
  "provenance": {
    "md5sum": "9ff7030da6b3d247079e641be7133be5",
    "settings": {
      "fd_thres": 0.2,
      "testing": false
    },
    "software": "mriqc",
    "version": "22.0.0rc1",
    "webapi_port": null,
    "webapi_url": "https://mriqc.nimh.nih.gov/api/v1"
  },
  "size_t": 160,
  "size_x": 80,
  "size_y": 80,
  "size_z": 36,
  "snr": 5.887317493202616,
  "spacing_tr": 2.0,
  "spacing_x": 3.0,
  "spacing_y": 3.0,
  "spacing_z": 3.299999952316284,
  "summary_bg_k": 56.160292241647426,
  "summary_bg_mad": 57.808337068906184,
  "summary_bg_mean": 739.035400390625,
  "summary_bg_median": 55.010311126708984,
  "summary_bg_n": 159162.0,
  "summary_bg_p05": 5.163215088844299,
  "summary_bg_p95": 3946.490795898437,
  "summary_bg_stdv": 2223.333984375,
  "summary_fg_k": 1.6555544363870904,
  "summary_fg_mad": 3825.588619767568,
  "summary_fg_mean": 25823.4140625,
  "summary_fg_median": 25263.67578125,
  "summary_fg_n": 31122.0,
  "summary_fg_p05": 19938.9478515625,
  "summary_fg_p95": 33462.35898437499,
  "summary_fg_stdv": 4291.13427734375,
  "tsnr": 81.38609313964844
}