{
  "aor": 0.0027982500000000004,
  "aqi": 0.011986760083333332,
  "bids_meta": {
    "AcquisitionNumber": 4,
    "BidsifyVersion": "0.3.5",
    "ConversionSoftware": "dcm2niix",
    "ConversionSoftwareVersion": "v1.0.20181125  GCC6.3.0",
    "EchoTime": 0.02763,
    "EffectiveEchoSpacing": 0.0006909035636805814,
    "FlipAngle": 76.1,
    "ImageComments": "PIOP2",
    "ImageOrientationPatientDICOM": [
      0.999301,
      0.0366495,
      0.00735092,
      -0.0368174,
      0.999029,
      0.0241779
    ],
    "Manufacturer": "Philips",
    "NumberOfVolumesDiscardedByScanner": 2,
    "ParallelAcquisitionTechnique": "SENSE",
    "ParallelReductionFactorInPlane": 2,
    "PatientPosition": "HFS",
    "PhaseEncodingDirection": "j",
    "PhilipsRescaleIntercept": 0,
    "PhilipsRescaleSlope": 0.8127,
    "PhilipsScaleSlope": 0.0514038,
    "ProtocolName": "WIPtask-rest_boldSENSE",
    "PulseSequenceType": "gradient echo EPI",
    "ReconMatrixPE": 80,
    "RepetitionTime": 2,
    "SeriesDescription": "ImageMRSERIES",
    "SeriesNumber": 4,
    "SliceEncodingDirection": "k",
    "SliceTiming": [
      0.0,
      0.0556,
      0.1111,
      0.1667,
      0.2222,
      0.2778,
      0.3333,
      0.3889,
      0.4444,
      0.5,
      0.5556,
      0.6111,
      0.6667,
      0.7222,
      0.7778,
      0.8333,
      0.8889,
      0.9444,
      1.0,
      1.0556,
      1.1111,
      1.1667,
      1.2222,
      1.2778,
      1.3333,
      1.3889,
      1.4444,
      1.5,
      1.5556,
      1.6111,
      1.6667,
      1.7222,
      1.7778,
      1.8333,
      1.8889,
      1.9444
    ],
    "TaskName": "restingstate",
    "TotalReadoutTime": 0.026945238983542674,
    "UsePhilipsFloatNotDisplayScaling": 1,
    "WaterFatShift": 12,
    "acq_id": "seq",
    "dataset": "ds002790",
    "modality": "bold",
    "subject_id": "0183",
    "task_id": "restingstate"
  },
  "dummy_trs": 0,
  "dvars_nstd": 20.177937994351463,
  "dvars_std": 1.173345099748954,
  "dvars_vstd": 0.9460219483682017,
  "efc": 0.42739724294542225,
  "fber": 170311.65625,
  "fd_mean": 0.17877109188870235,
  "fd_num": 72,
  "fd_perc": 30.0,
  "fwhm_avg": 1.9726232411270737,
  "fwhm_x": 1.8461833333333333,
  "fwhm_y": 2.24385,
  "fwhm_z": 1.8278363900478882,
  "gcor": 0.0191918,
  "gsr_x": -0.023198703303933144,
  "gsr_y": 0.021427791565656662,
  "provenance": {
    "md5sum": "9bc0812113675a3769599444e83a3d09",
    "settings": {
      "fd_thres": 0.2,
      "testing": false
    },
    "software": "mriqc",
    "version": "22.0.0rc1",
    "webapi_port": null,
    "webapi_url": "https://mriqc.nimh.nih.gov/api/v1"
  },
  "size_t": 240,
  "size_x": 80,
  "size_y": 80,
  "size_z": 36,
  "snr": 6.138884708925682,
  "spacing_tr": 2.0,
  "spacing_x": 3.0,
  "spacing_y": 3.0,
  "spacing_z": 3.299999952316284,
  "summary_bg_k": 110.50954028560966,
  "summary_bg_mad": 68.60385967392125,
  "summary_bg_mean": 534.8282470703125,
  "summary_bg_median": 60.874359130859375,
  "summary_bg_n": 154990.0,
  "summary_bg_p05": 7.124130606651306,
  "summary_bg_p95": 2436.4688720703093,
  "summary_bg_stdv": 1432.4105224609375,
  "summary_fg_k": 3.873824823040165,
  "summary_fg_mad": 3532.1926444136498,
  "summary_fg_mean": 26005.994140625,
  "summary_fg_median": 25516.91015625,
  "summary_fg_n": 34851.0,
  "summary_fg_p05": 20570.6796875,
  "summary_fg_p95": 32994.3984375,
  "summary_fg_stdv": 4156.5439453125,
  "tsnr": 61.163124084472656
}