{
  "aor": 0.0011929816513761469,
  "aqi": 0.0055673110550458725,
  "bids_meta": {
    "AcquisitionNumber": 7,
    "BidsifyVersion": "0.3.5",
    "ConversionSoftware": "dcm2niix",
    "ConversionSoftwareVersion": "v1.0.20181125  GCC6.3.0",
    "EchoTime": 0.02763,
    "EffectiveEchoSpacing": 0.0006909035636805814,
    "FlipAngle": 76.1,
    "ImageComments": "PIOP2",
    "ImageOrientationPatientDICOM": [
      0.999301,
      0.0366495,
      0.00735092,
      -0.0368174,
      0.999029,
      0.0241779
    ],
    "Manufacturer": "Philips",
    "NumberOfVolumesDiscardedByScanner": 2,
    "ParallelAcquisitionTechnique": "SENSE",
    "ParallelReductionFactorInPlane": 2,
    "PatientPosition": "HFS",
    "PhaseEncodingDirection": "j",
    "PhilipsRescaleIntercept": 0,
    "PhilipsRescaleSlope": 0.80049,
    "PhilipsScaleSlope": 0.0529898,
    "ProtocolName": "WIPtask-stop_boldSENSE",
    "PulseSequenceType": "gradient echo EPI",
    "ReconMatrixPE": 80,
    "RepetitionTime": 2,
    "SeriesDescription": "ImageMRSERIES",
    "SeriesNumber": 7,
    "SliceEncodingDirection": "k",
    "SliceTiming": [
      0.0,
      0.0556,
      0.1111,
      0.1667,
      0.2222,
      0.2778,
      0.3333,
      0.3889,
      0.4444,
      0.5,
      0.5556,
      0.6111,
      0.6667,
      0.7222,
      0.7778,
      0.8333,
      0.8889,
      0.9444,
      1.0,
      1.0556,
      1.1111,
      1.1667,
      1.2222,
      1.2778,
      1.3333,
      1.3889,
      1.4444,
      1.5,
      1.5556,
      1.6111,
      1.6667,
      1.7222,
      1.7778,
      1.8333,
      1.8889,
      1.9444
    ],
    "TaskName": "stopsignal",
    "TotalReadoutTime": 0.026945238983542674,
    "UsePhilipsFloatNotDisplayScaling": 1,
    "WaterFatShift": 12,
    "acq_id": "seq",
    "dataset": "ds002790",
    "modality": "bold",
    "subject_id": "0183",
    "task_id": "stopsignal"
  },
  "dummy_trs": 0,
  "dvars_nstd": 21.061387277327203,
  "dvars_std": 1.2174756474193558,
  "dvars_vstd": 0.9992909139631331,
  "efc": 0.4294155476375322,
  "fber": 166294.453125,
  "fd_mean": 0.2597113782666224,
  "fd_num": 126,
  "fd_perc": 57.79816513761468,
  "fwhm_avg": 1.946530917807265,
  "fwhm_x": 1.8153533333333334,
  "fwhm_y": 2.214566666666667,
  "fwhm_z": 1.8096727534217942,
  "gcor": 0.0520048,
  "gsr_x": -0.023922275751829147,
  "gsr_y": 0.021950500085949898,
  "provenance": {
    "md5sum": "6df8e07f0a56efd93a439f7413211728",
    "settings": {
      "fd_thres": 0.2,
      "testing": false
    },
    "software": "mriqc",
    "version": "22.0.0rc1",
    "webapi_port": null,
    "webapi_url": "https://mriqc.nimh.nih.gov/api/v1"
  },
  "size_t": 218,
  "size_x": 80,
  "size_y": 80,
  "size_z": 36,
  "snr": 6.1351220698479665,
  "spacing_tr": 2.0,
  "spacing_x": 3.0,
  "spacing_y": 3.0,
  "spacing_z": 3.299999952316284,
  "summary_bg_k": 114.1417467275591,
  "summary_bg_mad": 69.26352530392424,
  "summary_bg_mean": 545.19091796875,
  "summary_bg_median": 60.28627395629883,
  "summary_bg_n": 154859.0,
  "summary_bg_p05": 5.599887800216675,
  "summary_bg_p95": 2453.672900390627,
  "summary_bg_stdv": 1489.115966796875,
  "summary_fg_k": 3.8728535733011142,
  "summary_fg_mad": 3445.026058512369,
  "summary_fg_mean": 25484.98828125,
  "summary_fg_median": 25025.53515625,
  "summary_fg_n": 35025.0,
  "summary_fg_p05": 20181.40859375,
  "summary_fg_p95": 32303.884765625,
  "summary_fg_stdv": 4079.00244140625,
  "tsnr": 83.45207214355469
}