{
  "aor": 0.002101762114537445,
  "aqi": 0.0036621869162995597,
  "bids_meta": {
    "AcquisitionNumber": 7,
    "BidsifyVersion": "0.3.5",
    "ConversionSoftware": "dcm2niix",
    "ConversionSoftwareVersion": "v1.0.20181125  GCC6.3.0",
    "EchoTime": 0.02763,
    "FlipAngle": 76.1,
    "ImageComments": "PIOP2",
    "ImageOrientationPatientDICOM": [
      0.999135,
      0.01514,
      -0.0387278,
      -0.0115097,
      0.995665,
      0.0923014
    ],
    "Manufacturer": "Philips",
    "NumberOfVolumesDiscardedByScanner": 2,
    "ParallelAcquisitionTechnique": "SENSE",
    "ParallelReductionFactorInPlane": 2,
    "PatientPosition": "HFS",
    "PhaseEncodingDirection": "j",
    "PhilipsRescaleIntercept": 0,
    "PhilipsRescaleSlope": 0.80415,
    "PhilipsScaleSlope": 0.0667305,
    "ProtocolName": "WIPtask-stop_boldSENSE",
    "PulseSequenceType": "gradient echo EPI",
    "ReconMatrixPE": 80,
    "RepetitionTime": 2,
    "SeriesDescription": "ImageMRSERIES",
    "SeriesNumber": 7,
    "SliceEncodingDirection": "k",
    "TaskName": "stopsignal",
    "UsePhilipsFloatNotDisplayScaling": 1,
    "WaterFatShift": 12,
    "acq_id": "seq",
    "dataset": "ds002790",
    "modality": "bold",
    "subject_id": "0202",
    "task_id": "stopsignal"
  },
  "dummy_trs": 0,
  "dvars_nstd": 17.519947946504427,
  "dvars_std": 1.2560506579646014,
  "dvars_vstd": 1.0191762107964593,
  "efc": 0.41901059110144173,
  "fber": 201317.3125,
  "fd_mean": 0.10635533986734973,
  "fd_num": 11,
  "fd_perc": 4.845814977973569,
  "fwhm_avg": 1.970103039101924,
  "fwhm_x": 1.9439166666666667,
  "fwhm_y": 2.1395833333333334,
  "fwhm_z": 1.826809117305772,
  "gcor": 0.0414342,
  "gsr_x": -0.011849228292703629,
  "gsr_y": 0.012063726782798767,
  "provenance": {
    "md5sum": "d1d4b6ddee1b471d8e3f7ffdeb91ce6f",
    "settings": {
      "fd_thres": 0.2,
      "testing": false
    },
    "software": "mriqc",
    "version": "23.0.1",
    "webapi_port": null,
    "webapi_url": "https://mriqc.nimh.nih.gov/api/v1"
  },
  "size_t": 227,
  "size_x": 80,
  "size_y": 80,
  "size_z": 36,
  "snr": 5.9688670806946265,
  "spacing_tr": 2.0,
  "spacing_x": 3.0,
  "spacing_y": 3.0,
  "spacing_z": 3.299999952316284,
  "summary_bg_k": 53.74675623388568,
  "summary_bg_mad": 52.4517604181746,
  "summary_bg_mean": 509.5452575683594,
  "summary_bg_median": 48.229820251464844,
  "summary_bg_n": 157580.0,
  "summary_bg_p05": 5.395815634727478,
  "summary_bg_p95": 2574.7728027343746,
  "summary_bg_stdv": 1428.09619140625,
  "summary_fg_k": 1.8784879569079216,
  "summary_fg_mad": 3268.3980385493287,
  "summary_fg_mean": 22423.89453125,
  "summary_fg_median": 22061.7109375,
  "summary_fg_n": 32908.0,
  "summary_fg_p05": 17140.28291015625,
  "summary_fg_p95": 28748.375878906238,
  "summary_fg_stdv": 3696.07421875,
  "tsnr": 96.85578155517578
}