{
  "aor": 0.0048950746268656715,
  "aqi": 0.0034050788805970148,
  "bids_meta": {
    "AcquisitionNumber": 8,
    "BidsifyVersion": "0.3.5",
    "ConversionSoftware": "dcm2niix",
    "ConversionSoftwareVersion": "v1.0.20181125  GCC6.3.0",
    "EchoTime": 0.02763,
    "FlipAngle": 76.1,
    "ImageComments": "PIOP2",
    "ImageOrientationPatientDICOM": [
      0.999135,
      0.01514,
      -0.0387278,
      -0.0115097,
      0.995665,
      0.0923014
    ],
    "Manufacturer": "Philips",
    "NumberOfVolumesDiscardedByScanner": 2,
    "ParallelAcquisitionTechnique": "SENSE",
    "ParallelReductionFactorInPlane": 2,
    "PatientPosition": "HFS",
    "PhaseEncodingDirection": "j",
    "PhilipsRescaleIntercept": 0,
    "PhilipsRescaleSlope": 0.79219,
    "PhilipsScaleSlope": 0.0682531,
    "ProtocolName": "WIPtask-harriri_boldSENSE",
    "PulseSequenceType": "gradient echo EPI",
    "ReconMatrixPE": 80,
    "RepetitionTime": 2,
    "SeriesDescription": "ImageMRSERIES",
    "SeriesNumber": 8,
    "SliceEncodingDirection": "k",
    "TaskName": "emomatching",
    "UsePhilipsFloatNotDisplayScaling": 1,
    "WaterFatShift": 12,
    "acq_id": "seq",
    "dataset": "ds002790",
    "modality": "bold",
    "subject_id": "0202",
    "task_id": "emomatching"
  },
  "dummy_trs": 1,
  "dvars_nstd": 17.402669074736835,
  "dvars_std": 1.2980146767669178,
  "dvars_vstd": 1.063235619774436,
  "efc": 0.4195882323181991,
  "fber": 195869.453125,
  "fd_mean": 0.11793509884494324,
  "fd_num": 8,
  "fd_perc": 5.970149253731344,
  "fwhm_avg": 1.9743803118466092,
  "fwhm_x": 1.9442066666666669,
  "fwhm_y": 2.14851,
  "fwhm_z": 1.830424268873161,
  "gcor": 0.038695,
  "gsr_x": -0.012170497328042984,
  "gsr_y": 0.01184628251940012,
  "provenance": {
    "md5sum": "336714d2e94db5697c3c9fca0210d8ac",
    "settings": {
      "fd_thres": 0.2,
      "testing": false
    },
    "software": "mriqc",
    "version": "23.0.1",
    "webapi_port": null,
    "webapi_url": "https://mriqc.nimh.nih.gov/api/v1"
  },
  "size_t": 134,
  "size_x": 80,
  "size_y": 80,
  "size_z": 36,
  "snr": 6.022596284337953,
  "spacing_tr": 2.0,
  "spacing_x": 3.0,
  "spacing_y": 3.0,
  "spacing_z": 3.299999952316284,
  "summary_bg_k": 49.615701529865326,
  "summary_bg_mad": 53.27993628596711,
  "summary_bg_mean": 505.59661865234375,
  "summary_bg_median": 48.27717971801758,
  "summary_bg_n": 157512.0,
  "summary_bg_p05": 4.8628335237503055,
  "summary_bg_p95": 2578.159155273437,
  "summary_bg_stdv": 1416.563720703125,
  "summary_fg_k": 1.8816573215721863,
  "summary_fg_mad": 3203.3445226512085,
  "summary_fg_mean": 22127.34375,
  "summary_fg_median": 21767.49609375,
  "summary_fg_n": 32940.0,
  "summary_fg_p05": 16937.9322265625,
  "summary_fg_p95": 28293.35791015625,
  "summary_fg_stdv": 3614.24951171875,
  "tsnr": 97.19896697998047
}