{
  "aor": 0.00262256,
  "aqi": 0.00743136244,
  "bids_meta": {
    "AcquisitionNumber": 7,
    "BidsifyVersion": "0.3.5",
    "ConversionSoftware": "dcm2niix",
    "ConversionSoftwareVersion": "v1.0.20181125  GCC6.3.0",
    "EchoTime": 0.02763,
    "EffectiveEchoSpacing": 0.0006909035636805814,
    "FlipAngle": 76.1,
    "ImageComments": "PIOP2",
    "ImageOrientationPatientDICOM": [
      0.998011,
      0.0625341,
      -0.00802241,
      -0.0624398,
      0.997982,
      0.0115188
    ],
    "Manufacturer": "Philips",
    "NumberOfVolumesDiscardedByScanner": 2,
    "ParallelAcquisitionTechnique": "SENSE",
    "ParallelReductionFactorInPlane": 2,
    "PatientPosition": "HFS",
    "PhaseEncodingDirection": "j",
    "PhilipsRescaleIntercept": 0,
    "PhilipsRescaleSlope": 0.77094,
    "PhilipsScaleSlope": 0.0537596,
    "ProtocolName": "WIPtask-stop_boldSENSE",
    "PulseSequenceType": "gradient echo EPI",
    "ReconMatrixPE": 80,
    "RepetitionTime": 2,
    "SeriesDescription": "ImageMRSERIES",
    "SeriesNumber": 7,
    "SliceEncodingDirection": "k",
    "SliceTiming": [
      0.0,
      0.0556,
      0.1111,
      0.1667,
      0.2222,
      0.2778,
      0.3333,
      0.3889,
      0.4444,
      0.5,
      0.5556,
      0.6111,
      0.6667,
      0.7222,
      0.7778,
      0.8333,
      0.8889,
      0.9444,
      1.0,
      1.0556,
      1.1111,
      1.1667,
      1.2222,
      1.2778,
      1.3333,
      1.3889,
      1.4444,
      1.5,
      1.5556,
      1.6111,
      1.6667,
      1.7222,
      1.7778,
      1.8333,
      1.8889,
      1.9444
    ],
    "TaskName": "stopsignal",
    "TotalReadoutTime": 0.026945238983542674,
    "UsePhilipsFloatNotDisplayScaling": 1,
    "WaterFatShift": 12,
    "acq_id": "seq",
    "dataset": "ds002790",
    "modality": "bold",
    "subject_id": "0082",
    "task_id": "stopsignal"
  },
  "dummy_trs": 0,
  "dvars_nstd": 21.545433236024095,
  "dvars_std": 1.3404148169477916,
  "dvars_vstd": 0.9653276581927708,
  "efc": 0.4135125984577981,
  "fber": 230965.640625,
  "fd_mean": 0.09460070928166014,
  "fd_num": 3,
  "fd_perc": 1.2,
  "fwhm_avg": 1.9423687966685008,
  "fwhm_x": 1.8513766666666667,
  "fwhm_y": 2.1508266666666667,
  "fwhm_z": 1.8249030566721691,
  "gcor": 0.0218887,
  "gsr_x": -0.021160239353775978,
  "gsr_y": 0.015408686362206936,
  "provenance": {
    "md5sum": "6f093763a59fd32276635e0aebe1f3e2",
    "settings": {
      "fd_thres": 0.2,
      "testing": false
    },
    "software": "mriqc",
    "version": "22.0.0rc1",
    "webapi_port": null,
    "webapi_url": "https://mriqc.nimh.nih.gov/api/v1"
  },
  "size_t": 250,
  "size_x": 80,
  "size_y": 80,
  "size_z": 36,
  "snr": 5.890747014966381,
  "spacing_tr": 2.0,
  "spacing_x": 3.0,
  "spacing_y": 3.0,
  "spacing_z": 3.299999952316284,
  "summary_bg_k": 116.0012769084022,
  "summary_bg_mad": 54.666488821277206,
  "summary_bg_mean": 519.0479736328125,
  "summary_bg_median": 54.37295150756836,
  "summary_bg_n": 157743.0,
  "summary_bg_p05": 5.66017599105835,
  "summary_bg_p95": 2372.888549804687,
  "summary_bg_stdv": 1674.2349853515625,
  "summary_fg_k": 2.2110172007781337,
  "summary_fg_mad": 4175.48274333489,
  "summary_fg_mean": 26970.095703125,
  "summary_fg_median": 26612.150390625,
  "summary_fg_n": 33371.0,
  "summary_fg_p05": 20488.005859375,
  "summary_fg_p95": 34297.193359375,
  "summary_fg_stdv": 4517.55126953125,
  "tsnr": 81.0843734741211
}