{
  "aor": 0.004249629629629629,
  "aqi": 0.009579407037037036,
  "bids_meta": {
    "AcquisitionNumber": 8,
    "BidsifyVersion": "0.3.5",
    "ConversionSoftware": "dcm2niix",
    "ConversionSoftwareVersion": "v1.0.20181125  GCC6.3.0",
    "EchoTime": 0.02763,
    "EffectiveEchoSpacing": 0.0006909035636805814,
    "FlipAngle": 76.1,
    "ImageComments": "PIOP2",
    "ImageOrientationPatientDICOM": [
      0.997163,
      0.0717541,
      -0.0227572,
      -0.0683294,
      0.989634,
      0.126319
    ],
    "Manufacturer": "Philips",
    "NumberOfVolumesDiscardedByScanner": 2,
    "ParallelAcquisitionTechnique": "SENSE",
    "ParallelReductionFactorInPlane": 2,
    "PatientPosition": "HFS",
    "PhaseEncodingDirection": "j",
    "PhilipsRescaleIntercept": 0,
    "PhilipsRescaleSlope": 0.77411,
    "PhilipsScaleSlope": 0.0532764,
    "ProtocolName": "WIPtask-harriri_boldSENSE",
    "PulseSequenceType": "gradient echo EPI",
    "ReconMatrixPE": 80,
    "RepetitionTime": 2,
    "SeriesDescription": "ImageMRSERIES",
    "SeriesNumber": 8,
    "SliceEncodingDirection": "k",
    "SliceTiming": [
      0.0,
      0.0556,
      0.1111,
      0.1667,
      0.2222,
      0.2778,
      0.3333,
      0.3889,
      0.4444,
      0.5,
      0.5556,
      0.6111,
      0.6667,
      0.7222,
      0.7778,
      0.8333,
      0.8889,
      0.9444,
      1.0,
      1.0556,
      1.1111,
      1.1667,
      1.2222,
      1.2778,
      1.3333,
      1.3889,
      1.4444,
      1.5,
      1.5556,
      1.6111,
      1.6667,
      1.7222,
      1.7778,
      1.8333,
      1.8889,
      1.9444
    ],
    "TaskName": "emomatching",
    "TotalReadoutTime": 0.026945238983542674,
    "UsePhilipsFloatNotDisplayScaling": 1,
    "WaterFatShift": 12,
    "acq_id": "seq",
    "dataset": "ds002790",
    "modality": "bold",
    "subject_id": "0054",
    "task_id": "emomatching"
  },
  "dummy_trs": 0,
  "dvars_nstd": 17.426676152313437,
  "dvars_std": 1.156606983059701,
  "dvars_vstd": 0.9775998138059698,
  "efc": 0.4453593596916172,
  "fber": 194540.34375,
  "fd_mean": 0.10662840950720213,
  "fd_num": 10,
  "fd_perc": 7.407407407407407,
  "fwhm_avg": 1.9913245542895046,
  "fwhm_x": 1.9534833333333335,
  "fwhm_y": 2.186193333333333,
  "fwhm_z": 1.8342969962018476,
  "gcor": 0.0635649,
  "gsr_x": -0.008595830760896206,
  "gsr_y": 0.017631636932492256,
  "provenance": {
    "md5sum": "3b6416e45c187b769fb1e9c7150913fd",
    "settings": {
      "fd_thres": 0.2,
      "testing": false
    },
    "software": "mriqc",
    "version": "22.0.0rc1",
    "webapi_port": null,
    "webapi_url": "https://mriqc.nimh.nih.gov/api/v1"
  },
  "size_t": 135,
  "size_x": 80,
  "size_y": 80,
  "size_z": 36,
  "snr": 6.142535370305198,
  "spacing_tr": 2.0,
  "spacing_x": 3.0,
  "spacing_y": 3.0,
  "spacing_z": 3.299999952316284,
  "summary_bg_k": 42.18349272526244,
  "summary_bg_mad": 67.77780468561461,
  "summary_bg_mean": 780.252197265625,
  "summary_bg_median": 59.95686340332031,
  "summary_bg_n": 153674.0,
  "summary_bg_p05": 6.782230234146119,
  "summary_bg_p95": 4082.536621093752,
  "summary_bg_stdv": 1989.5906982421875,
  "summary_fg_k": 1.9984389435165326,
  "summary_fg_mad": 3962.9942822117446,
  "summary_fg_mean": 27176.041015625,
  "summary_fg_median": 26782.595703125,
  "summary_fg_n": 36422.0,
  "summary_fg_p05": 21027.885156250002,
  "summary_fg_p95": 34461.21562499999,
  "summary_fg_stdv": 4360.1259765625,
  "tsnr": 75.37549591064453
}