{
  "aor": 0.004147037037037037,
  "aqi": 0.005496459481481482,
  "bids_meta": {
    "AcquisitionNumber": 8,
    "BidsifyVersion": "0.3.5",
    "ConversionSoftware": "dcm2niix",
    "ConversionSoftwareVersion": "v1.0.20181125  GCC6.3.0",
    "EchoTime": 0.02763,
    "EffectiveEchoSpacing": 0.0006909035636805814,
    "FlipAngle": 76.1,
    "ImageComments": "PIOP2",
    "ImageOrientationPatientDICOM": [
      0.998662,
      0.0201483,
      0.047628,
      -0.0115043,
      0.984459,
      -0.17524
    ],
    "Manufacturer": "Philips",
    "NumberOfVolumesDiscardedByScanner": 2,
    "ParallelAcquisitionTechnique": "SENSE",
    "ParallelReductionFactorInPlane": 2,
    "PatientPosition": "HFS",
    "PhaseEncodingDirection": "j",
    "PhilipsRescaleIntercept": 0,
    "PhilipsRescaleSlope": 0.76557,
    "PhilipsScaleSlope": 0.0598437,
    "ProtocolName": "WIPtask-harriri_boldSENSE",
    "PulseSequenceType": "gradient echo EPI",
    "ReconMatrixPE": 80,
    "RepetitionTime": 2,
    "SeriesDescription": "ImageMRSERIES",
    "SeriesNumber": 8,
    "SliceEncodingDirection": "k",
    "SliceTiming": [
      0.0,
      0.0556,
      0.1111,
      0.1667,
      0.2222,
      0.2778,
      0.3333,
      0.3889,
      0.4444,
      0.5,
      0.5556,
      0.6111,
      0.6667,
      0.7222,
      0.7778,
      0.8333,
      0.8889,
      0.9444,
      1.0,
      1.0556,
      1.1111,
      1.1667,
      1.2222,
      1.2778,
      1.3333,
      1.3889,
      1.4444,
      1.5,
      1.5556,
      1.6111,
      1.6667,
      1.7222,
      1.7778,
      1.8333,
      1.8889,
      1.9444
    ],
    "TaskName": "emomatching",
    "TotalReadoutTime": 0.026945238983542674,
    "UsePhilipsFloatNotDisplayScaling": 1,
    "WaterFatShift": 12,
    "acq_id": "seq",
    "dataset": "ds002790",
    "modality": "bold",
    "subject_id": "0137",
    "task_id": "emomatching"
  },
  "dummy_trs": 0,
  "dvars_nstd": 20.714633187238796,
  "dvars_std": 1.3039429844029857,
  "dvars_vstd": 1.0016554170149248,
  "efc": 0.43084006368673006,
  "fber": 264701.0,
  "fd_mean": 0.13474766628758447,
  "fd_num": 14,
  "fd_perc": 10.37037037037037,
  "fwhm_avg": 2.003971019091091,
  "fwhm_x": 1.9965166666666667,
  "fwhm_y": 2.148893333333333,
  "fwhm_z": 1.8665030572732733,
  "gcor": 0.0247666,
  "gsr_x": -0.013410765677690506,
  "gsr_y": 0.013273321092128754,
  "provenance": {
    "md5sum": "ef474102e4e1a199c49b648a195e1100",
    "settings": {
      "fd_thres": 0.2,
      "testing": false
    },
    "software": "mriqc",
    "version": "22.0.0rc1",
    "webapi_port": null,
    "webapi_url": "https://mriqc.nimh.nih.gov/api/v1"
  },
  "size_t": 135,
  "size_x": 80,
  "size_y": 80,
  "size_z": 36,
  "snr": 5.55924044901322,
  "spacing_tr": 2.0,
  "spacing_x": 3.0,
  "spacing_y": 3.0,
  "spacing_z": 3.299999952316284,
  "summary_bg_k": 32.045795096453446,
  "summary_bg_mad": 52.55230000324167,
  "summary_bg_mean": 531.5112915039062,
  "summary_bg_median": 47.63633346557617,
  "summary_bg_n": 153374.0,
  "summary_bg_p05": 4.28093421459198,
  "summary_bg_p95": 2882.323132324219,
  "summary_bg_stdv": 1470.7567138671875,
  "summary_fg_k": 1.316507439099392,
  "summary_fg_mad": 4097.61137837385,
  "summary_fg_mean": 25404.1328125,
  "summary_fg_median": 24942.7265625,
  "summary_fg_n": 36185.0,
  "summary_fg_p05": 18809.322265625,
  "summary_fg_p95": 33010.93359374999,
  "summary_fg_stdv": 4486.65283203125,
  "tsnr": 78.8299789428711
}