{
  "aor": 0.0021728125,
  "aqi": 0.006924442124999999,
  "bids_meta": {
    "AcquisitionNumber": 3,
    "BidsifyVersion": "0.3.5",
    "ConversionSoftware": "dcm2niix",
    "ConversionSoftwareVersion": "v1.0.20181125  GCC6.3.0",
    "EchoTime": 0.02763,
    "EffectiveEchoSpacing": 0.0006909035636805814,
    "FlipAngle": 76.1,
    "ImageComments": "PIOP2",
    "ImageOrientationPatientDICOM": [
      0.998662,
      0.0201483,
      0.047628,
      -0.0115043,
      0.984459,
      -0.17524
    ],
    "Manufacturer": "Philips",
    "NumberOfVolumesDiscardedByScanner": 2,
    "ParallelAcquisitionTechnique": "SENSE",
    "ParallelReductionFactorInPlane": 2,
    "PatientPosition": "HFS",
    "PhaseEncodingDirection": "j",
    "PhilipsRescaleIntercept": 0,
    "PhilipsRescaleSlope": 0.79878,
    "PhilipsScaleSlope": 0.0581327,
    "ProtocolName": "WIPtask-wm_boldSENSE",
    "PulseSequenceType": "gradient echo EPI",
    "ReconMatrixPE": 80,
    "RepetitionTime": 2,
    "SeriesDescription": "ImageMRSERIES",
    "SeriesNumber": 3,
    "SliceEncodingDirection": "k",
    "SliceTiming": [
      0.0,
      0.0556,
      0.1111,
      0.1667,
      0.2222,
      0.2778,
      0.3333,
      0.3889,
      0.4444,
      0.5,
      0.5556,
      0.6111,
      0.6667,
      0.7222,
      0.7778,
      0.8333,
      0.8889,
      0.9444,
      1.0,
      1.0556,
      1.1111,
      1.1667,
      1.2222,
      1.2778,
      1.3333,
      1.3889,
      1.4444,
      1.5,
      1.5556,
      1.6111,
      1.6667,
      1.7222,
      1.7778,
      1.8333,
      1.8889,
      1.9444
    ],
    "TaskName": "workingmemory",
    "TotalReadoutTime": 0.026945238983542674,
    "UsePhilipsFloatNotDisplayScaling": 1,
    "WaterFatShift": 12,
    "acq_id": "seq",
    "dataset": "ds002790",
    "modality": "bold",
    "subject_id": "0137",
    "task_id": "workingmemory"
  },
  "dummy_trs": 0,
  "dvars_nstd": 21.74591334358491,
  "dvars_std": 1.2831359942767298,
  "dvars_vstd": 0.9294568894339624,
  "efc": 0.4322046859664659,
  "fber": 273766.4375,
  "fd_mean": 0.11696584935802265,
  "fd_num": 10,
  "fd_perc": 6.25,
  "fwhm_avg": 1.9877935443247878,
  "fwhm_x": 1.9670466666666666,
  "fwhm_y": 2.13374,
  "fwhm_z": 1.8625939663076974,
  "gcor": 0.0206041,
  "gsr_x": -0.013365574181079865,
  "gsr_y": 0.011129654012620449,
  "provenance": {
    "md5sum": "1debf35e04df062820881e5b053694e8",
    "settings": {
      "fd_thres": 0.2,
      "testing": false
    },
    "software": "mriqc",
    "version": "22.0.0rc1",
    "webapi_port": null,
    "webapi_url": "https://mriqc.nimh.nih.gov/api/v1"
  },
  "size_t": 160,
  "size_x": 80,
  "size_y": 80,
  "size_z": 36,
  "snr": 5.6169713949123965,
  "spacing_tr": 2.0,
  "spacing_x": 3.0,
  "spacing_y": 3.0,
  "spacing_z": 3.299999952316284,
  "summary_bg_k": 35.15522957199116,
  "summary_bg_mad": 50.83129679132955,
  "summary_bg_mean": 524.7503662109375,
  "summary_bg_median": 47.08262252807617,
  "summary_bg_n": 153023.0,
  "summary_bg_p05": 4.530746698379517,
  "summary_bg_p95": 2769.5883544921867,
  "summary_bg_stdv": 1479.5889892578125,
  "summary_fg_k": 1.281940614984773,
  "summary_fg_mad": 4098.236851184782,
  "summary_fg_mean": 25615.759765625,
  "summary_fg_median": 25158.224609375,
  "summary_fg_n": 36509.0,
  "summary_fg_p05": 18994.855078125,
  "summary_fg_p95": 33326.8609375,
  "summary_fg_stdv": 4478.90478515625,
  "tsnr": 74.25593566894531
}