{
  "aor": 0.0025626875,
  "aqi": 0.0043368205000000005,
  "bids_meta": {
    "AcquisitionNumber": 3,
    "BidsifyVersion": "0.3.5",
    "ConversionSoftware": "dcm2niix",
    "ConversionSoftwareVersion": "v1.0.20181125  GCC6.3.0",
    "EchoTime": 0.02763,
    "EffectiveEchoSpacing": 0.0006909035636805814,
    "FlipAngle": 76.1,
    "ImageComments": "PIOP2",
    "ImageOrientationPatientDICOM": [
      0.997855,
      0.0569681,
      0.0322589,
      -0.0601574,
      0.992273,
      0.10851
    ],
    "Manufacturer": "Philips",
    "NumberOfVolumesDiscardedByScanner": 2,
    "ParallelAcquisitionTechnique": "SENSE",
    "ParallelReductionFactorInPlane": 2,
    "PatientPosition": "HFS",
    "PhaseEncodingDirection": "j",
    "PhilipsRescaleIntercept": 0,
    "PhilipsRescaleSlope": 0.76703,
    "PhilipsScaleSlope": 0.0487224,
    "ProtocolName": "WIPtask-wm_boldSENSE",
    "PulseSequenceType": "gradient echo EPI",
    "ReconMatrixPE": 80,
    "RepetitionTime": 2,
    "SeriesDescription": "ImageMRSERIES",
    "SeriesNumber": 3,
    "SliceEncodingDirection": "k",
    "SliceTiming": [
      0.0,
      0.0556,
      0.1111,
      0.1667,
      0.2222,
      0.2778,
      0.3333,
      0.3889,
      0.4444,
      0.5,
      0.5556,
      0.6111,
      0.6667,
      0.7222,
      0.7778,
      0.8333,
      0.8889,
      0.9444,
      1.0,
      1.0556,
      1.1111,
      1.1667,
      1.2222,
      1.2778,
      1.3333,
      1.3889,
      1.4444,
      1.5,
      1.5556,
      1.6111,
      1.6667,
      1.7222,
      1.7778,
      1.8333,
      1.8889,
      1.9444
    ],
    "TaskName": "workingmemory",
    "TotalReadoutTime": 0.026945238983542674,
    "UsePhilipsFloatNotDisplayScaling": 1,
    "WaterFatShift": 12,
    "acq_id": "seq",
    "dataset": "ds002790",
    "modality": "bold",
    "subject_id": "0018",
    "task_id": "workingmemory"
  },
  "dummy_trs": 0,
  "dvars_nstd": 19.218971264402523,
  "dvars_std": 1.2032076867295594,
  "dvars_vstd": 1.003351369308176,
  "efc": 0.451142239068135,
  "fber": 206502.203125,
  "fd_mean": 0.13289576474045756,
  "fd_num": 16,
  "fd_perc": 10.0,
  "fwhm_avg": 1.97721344334328,
  "fwhm_x": 1.92146,
  "fwhm_y": 2.14165,
  "fwhm_z": 1.8685303300298393,
  "gcor": 0.0305544,
  "gsr_x": -0.008036033250391483,
  "gsr_y": 0.014544482342898846,
  "provenance": {
    "md5sum": "9442edd4788d3163c57f4080bf1ab70c",
    "settings": {
      "fd_thres": 0.2,
      "testing": false
    },
    "software": "mriqc",
    "version": "22.0.0rc1",
    "webapi_port": null,
    "webapi_url": "https://mriqc.nimh.nih.gov/api/v1"
  },
  "size_t": 160,
  "size_x": 80,
  "size_y": 80,
  "size_z": 36,
  "snr": 5.682900819233753,
  "spacing_tr": 2.0,
  "spacing_x": 3.0,
  "spacing_y": 3.0,
  "spacing_z": 3.299999952316284,
  "summary_bg_k": 28.36364932152605,
  "summary_bg_mad": 73.73162312044204,
  "summary_bg_mean": 828.2275390625,
  "summary_bg_median": 62.618682861328125,
  "summary_bg_n": 151391.0,
  "summary_bg_p05": 4.737014532089233,
  "summary_bg_p95": 4608.600341796875,
  "summary_bg_stdv": 2218.124267578125,
  "summary_fg_k": 2.0909308218081932,
  "summary_fg_mad": 4635.772818031719,
  "summary_fg_mean": 29557.392578125,
  "summary_fg_median": 28902.740234375,
  "summary_fg_n": 38517.0,
  "summary_fg_p05": 22944.180078125,
  "summary_fg_p95": 38600.226562499985,
  "summary_fg_stdv": 5085.84716796875,
  "tsnr": 87.60098266601562
}