{
  "aor": 0.0027216249999999997,
  "aqi": 0.004041921833333333,
  "bids_meta": {
    "AcquisitionNumber": 4,
    "BidsifyVersion": "0.3.5",
    "ConversionSoftware": "dcm2niix",
    "ConversionSoftwareVersion": "v1.0.20181125  GCC6.3.0",
    "EchoTime": 0.02763,
    "EffectiveEchoSpacing": 0.0006909035636805814,
    "FlipAngle": 76.1,
    "ImageComments": "PIOP2",
    "ImageOrientationPatientDICOM": [
      0.997855,
      0.0569681,
      0.0322589,
      -0.0601574,
      0.992273,
      0.10851
    ],
    "Manufacturer": "Philips",
    "NumberOfVolumesDiscardedByScanner": 2,
    "ParallelAcquisitionTechnique": "SENSE",
    "ParallelReductionFactorInPlane": 2,
    "PatientPosition": "HFS",
    "PhaseEncodingDirection": "j",
    "PhilipsRescaleIntercept": 0,
    "PhilipsRescaleSlope": 0.779,
    "PhilipsScaleSlope": 0.0485331,
    "ProtocolName": "WIPtask-rest_boldSENSE",
    "PulseSequenceType": "gradient echo EPI",
    "ReconMatrixPE": 80,
    "RepetitionTime": 2,
    "SeriesDescription": "ImageMRSERIES",
    "SeriesNumber": 4,
    "SliceEncodingDirection": "k",
    "SliceTiming": [
      0.0,
      0.0556,
      0.1111,
      0.1667,
      0.2222,
      0.2778,
      0.3333,
      0.3889,
      0.4444,
      0.5,
      0.5556,
      0.6111,
      0.6667,
      0.7222,
      0.7778,
      0.8333,
      0.8889,
      0.9444,
      1.0,
      1.0556,
      1.1111,
      1.1667,
      1.2222,
      1.2778,
      1.3333,
      1.3889,
      1.4444,
      1.5,
      1.5556,
      1.6111,
      1.6667,
      1.7222,
      1.7778,
      1.8333,
      1.8889,
      1.9444
    ],
    "TaskName": "restingstate",
    "TotalReadoutTime": 0.026945238983542674,
    "UsePhilipsFloatNotDisplayScaling": 1,
    "WaterFatShift": 12,
    "acq_id": "seq",
    "dataset": "ds002790",
    "modality": "bold",
    "subject_id": "0018",
    "task_id": "restingstate"
  },
  "dummy_trs": 0,
  "dvars_nstd": 20.093233108661092,
  "dvars_std": 1.2511790447698747,
  "dvars_vstd": 1.014250088702929,
  "efc": 0.4508830975937985,
  "fber": 206382.421875,
  "fd_mean": 0.1502683777433729,
  "fd_num": 37,
  "fd_perc": 15.416666666666666,
  "fwhm_avg": 1.9336421298953888,
  "fwhm_x": 1.8920700000000001,
  "fwhm_y": 2.106053333333333,
  "fwhm_z": 1.802803056352833,
  "gcor": 0.022513,
  "gsr_x": -0.008383434265851974,
  "gsr_y": 0.01589183323085308,
  "provenance": {
    "md5sum": "cc7ee7506cd43884df1b461e80537b41",
    "settings": {
      "fd_thres": 0.2,
      "testing": false
    },
    "software": "mriqc",
    "version": "22.0.0rc1",
    "webapi_port": null,
    "webapi_url": "https://mriqc.nimh.nih.gov/api/v1"
  },
  "size_t": 240,
  "size_x": 80,
  "size_y": 80,
  "size_z": 36,
  "snr": 5.69147253749282,
  "spacing_tr": 2.0,
  "spacing_x": 3.0,
  "spacing_y": 3.0,
  "spacing_z": 3.299999952316284,
  "summary_bg_k": 27.231946883368856,
  "summary_bg_mad": 73.02969260404497,
  "summary_bg_mean": 827.0639038085938,
  "summary_bg_median": 62.18506622314453,
  "summary_bg_n": 151485.0,
  "summary_bg_p05": 4.683174133300782,
  "summary_bg_p95": 4640.55029296875,
  "summary_bg_stdv": 2172.8603515625,
  "summary_fg_k": 2.1910727037472917,
  "summary_fg_mad": 4593.89799248131,
  "summary_fg_mean": 29364.92578125,
  "summary_fg_median": 28705.509765625,
  "summary_fg_n": 38429.0,
  "summary_fg_p05": 22835.225390625,
  "summary_fg_p95": 38280.0328125,
  "summary_fg_stdv": 5043.5341796875,
  "tsnr": 89.57115936279297
}