{
  "aor": 0.007646888888888891,
  "aqi": 0.0047284388148148134,
  "bids_meta": {
    "AcquisitionNumber": 8,
    "BidsifyVersion": "0.3.5",
    "ConversionSoftware": "dcm2niix",
    "ConversionSoftwareVersion": "v1.0.20181125  GCC6.3.0",
    "EchoTime": 0.02763,
    "EffectiveEchoSpacing": 0.0006909035636805814,
    "FlipAngle": 76.1,
    "ImageComments": "PIOP2",
    "ImageOrientationPatientDICOM": [
      0.999306,
      -0.0244549,
      -0.0281129,
      0.0265168,
      0.996795,
      0.0754778
    ],
    "Manufacturer": "Philips",
    "NumberOfVolumesDiscardedByScanner": 2,
    "ParallelAcquisitionTechnique": "SENSE",
    "ParallelReductionFactorInPlane": 2,
    "PatientPosition": "HFS",
    "PhaseEncodingDirection": "j",
    "PhilipsRescaleIntercept": 0,
    "PhilipsRescaleSlope": 0.79121,
    "PhilipsScaleSlope": 0.0583559,
    "ProtocolName": "WIPtask-harriri_boldSENSE",
    "PulseSequenceType": "gradient echo EPI",
    "ReconMatrixPE": 80,
    "RepetitionTime": 2,
    "SeriesDescription": "ImageMRSERIES",
    "SeriesNumber": 8,
    "SliceEncodingDirection": "k",
    "SliceTiming": [
      0.0,
      0.0556,
      0.1111,
      0.1667,
      0.2222,
      0.2778,
      0.3333,
      0.3889,
      0.4444,
      0.5,
      0.5556,
      0.6111,
      0.6667,
      0.7222,
      0.7778,
      0.8333,
      0.8889,
      0.9444,
      1.0,
      1.0556,
      1.1111,
      1.1667,
      1.2222,
      1.2778,
      1.3333,
      1.3889,
      1.4444,
      1.5,
      1.5556,
      1.6111,
      1.6667,
      1.7222,
      1.7778,
      1.8333,
      1.8889,
      1.9444
    ],
    "TaskName": "emomatching",
    "TotalReadoutTime": 0.026945238983542674,
    "UsePhilipsFloatNotDisplayScaling": 1,
    "WaterFatShift": 12,
    "acq_id": "seq",
    "dataset": "ds002790",
    "modality": "bold",
    "subject_id": "0004",
    "task_id": "emomatching"
  },
  "dummy_trs": 0,
  "dvars_nstd": 24.34504560179103,
  "dvars_std": 1.3319026952238806,
  "dvars_vstd": 1.0556160491791047,
  "efc": 0.38139124859451995,
  "fber": 273482.8125,
  "fd_mean": 0.27624704120434207,
  "fd_num": 76,
  "fd_perc": 56.2962962962963,
  "fwhm_avg": 2.1253374843419,
  "fwhm_x": 2.01852,
  "fwhm_y": 2.3655166666666667,
  "fwhm_z": 1.9919757863590326,
  "gcor": 0.0451029,
  "gsr_x": -0.021700674667954445,
  "gsr_y": 0.014536545611917973,
  "provenance": {
    "md5sum": "2e4d6f63c5cb7ab9c4e42171fb293612",
    "settings": {
      "fd_thres": 0.2,
      "testing": false
    },
    "software": "mriqc",
    "version": "22.0.0rc1",
    "webapi_port": null,
    "webapi_url": "https://mriqc.nimh.nih.gov/api/v1"
  },
  "size_t": 135,
  "size_x": 80,
  "size_y": 80,
  "size_z": 36,
  "snr": 5.472336854636499,
  "spacing_tr": 2.0,
  "spacing_x": 3.0,
  "spacing_y": 3.0,
  "spacing_z": 3.299999952316284,
  "summary_bg_k": 113.13897535067206,
  "summary_bg_mad": 47.4639290653313,
  "summary_bg_mean": 456.3941650390625,
  "summary_bg_median": 46.15467071533203,
  "summary_bg_n": 164396.0,
  "summary_bg_p05": 4.472970128059387,
  "summary_bg_p95": 2150.2174682617188,
  "summary_bg_stdv": 1471.24365234375,
  "summary_fg_k": 1.4192233802838885,
  "summary_fg_mad": 4267.179663554241,
  "summary_fg_mean": 25003.1875,
  "summary_fg_median": 24597.9609375,
  "summary_fg_n": 27614.0,
  "summary_fg_p05": 18346.8509765625,
  "summary_fg_p95": 32609.90888671875,
  "summary_fg_stdv": 4494.88330078125,
  "tsnr": 80.30900573730469
}