{
  "aor": 0.0015413333333333331,
  "aqi": 0.004004280666666666,
  "bids_meta": {
    "AcquisitionNumber": 4,
    "BidsifyVersion": "0.3.5",
    "ConversionSoftware": "dcm2niix",
    "ConversionSoftwareVersion": "v1.0.20181125  GCC6.3.0",
    "EchoTime": 0.02763,
    "EffectiveEchoSpacing": 0.0006909035636805814,
    "FlipAngle": 76.1,
    "ImageComments": "PIOP2",
    "ImageOrientationPatientDICOM": [
      0.999306,
      -0.0244549,
      -0.0281129,
      0.0265168,
      0.996795,
      0.0754778
    ],
    "Manufacturer": "Philips",
    "NumberOfVolumesDiscardedByScanner": 2,
    "ParallelAcquisitionTechnique": "SENSE",
    "ParallelReductionFactorInPlane": 2,
    "PatientPosition": "HFS",
    "PhaseEncodingDirection": "j",
    "PhilipsRescaleIntercept": 0,
    "PhilipsRescaleSlope": 0.84005,
    "PhilipsScaleSlope": 0.0575094,
    "ProtocolName": "WIPtask-rest_boldSENSE",
    "PulseSequenceType": "gradient echo EPI",
    "ReconMatrixPE": 80,
    "RepetitionTime": 2,
    "SeriesDescription": "ImageMRSERIES",
    "SeriesNumber": 4,
    "SliceEncodingDirection": "k",
    "SliceTiming": [
      0.0,
      0.0556,
      0.1111,
      0.1667,
      0.2222,
      0.2778,
      0.3333,
      0.3889,
      0.4444,
      0.5,
      0.5556,
      0.6111,
      0.6667,
      0.7222,
      0.7778,
      0.8333,
      0.8889,
      0.9444,
      1.0,
      1.0556,
      1.1111,
      1.1667,
      1.2222,
      1.2778,
      1.3333,
      1.3889,
      1.4444,
      1.5,
      1.5556,
      1.6111,
      1.6667,
      1.7222,
      1.7778,
      1.8333,
      1.8889,
      1.9444
    ],
    "TaskName": "restingstate",
    "TotalReadoutTime": 0.026945238983542674,
    "UsePhilipsFloatNotDisplayScaling": 1,
    "WaterFatShift": 12,
    "acq_id": "seq",
    "dataset": "ds002790",
    "modality": "bold",
    "subject_id": "0004",
    "task_id": "restingstate"
  },
  "dummy_trs": 0,
  "dvars_nstd": 23.91613562845189,
  "dvars_std": 1.2667760112970718,
  "dvars_vstd": 0.9931411074895393,
  "efc": 0.3800891975911339,
  "fber": 251597.78125,
  "fd_mean": 0.292327744181212,
  "fd_num": 140,
  "fd_perc": 58.333333333333336,
  "fwhm_avg": 2.108375261990594,
  "fwhm_x": 2.01694,
  "fwhm_y": 2.34301,
  "fwhm_z": 1.9651757859717829,
  "gcor": 0.0235882,
  "gsr_x": -0.02132425084710121,
  "gsr_y": 0.014594808220863342,
  "provenance": {
    "md5sum": "207bac770efaf80910d957d6db532950",
    "settings": {
      "fd_thres": 0.2,
      "testing": false
    },
    "software": "mriqc",
    "version": "22.0.0rc1",
    "webapi_port": null,
    "webapi_url": "https://mriqc.nimh.nih.gov/api/v1"
  },
  "size_t": 240,
  "size_x": 80,
  "size_y": 80,
  "size_z": 36,
  "snr": 5.558601763178121,
  "spacing_tr": 2.0,
  "spacing_x": 3.0,
  "spacing_y": 3.0,
  "spacing_z": 3.299999952316284,
  "summary_bg_k": 129.21179453936364,
  "summary_bg_mad": 48.364414198314506,
  "summary_bg_mean": 434.3554992675781,
  "summary_bg_median": 47.446983337402344,
  "summary_bg_n": 164496.0,
  "summary_bg_p05": 4.495677828788757,
  "summary_bg_p95": 2052.958251953125,
  "summary_bg_stdv": 1412.836181640625,
  "summary_fg_k": 1.5132450183263177,
  "summary_fg_mad": 4116.595636468621,
  "summary_fg_mean": 24595.541015625,
  "summary_fg_median": 24205.431640625,
  "summary_fg_n": 27472.0,
  "summary_fg_p05": 18222.96435546875,
  "summary_fg_p95": 31879.353808593747,
  "summary_fg_stdv": 4354.5107421875,
  "tsnr": 87.56602478027344
}