{
  "aor": 0.0021393124999999997,
  "aqi": 0.0066352306874999985,
  "bids_meta": {
    "AcquisitionNumber": 3,
    "BidsifyVersion": "0.3.5",
    "ConversionSoftware": "dcm2niix",
    "ConversionSoftwareVersion": "v1.0.20181125  GCC6.3.0",
    "EchoTime": 0.02763,
    "EffectiveEchoSpacing": 0.0006909035636805814,
    "FlipAngle": 76.1,
    "ImageComments": "PIOP2",
    "ImageOrientationPatientDICOM": [
      0.999306,
      -0.0244549,
      -0.0281129,
      0.0265168,
      0.996795,
      0.0754778
    ],
    "Manufacturer": "Philips",
    "NumberOfVolumesDiscardedByScanner": 2,
    "ParallelAcquisitionTechnique": "SENSE",
    "ParallelReductionFactorInPlane": 2,
    "PatientPosition": "HFS",
    "PhaseEncodingDirection": "j",
    "PhilipsRescaleIntercept": 0,
    "PhilipsRescaleSlope": 0.7939,
    "PhilipsScaleSlope": 0.0594895,
    "ProtocolName": "WIPtask-wm_boldSENSE",
    "PulseSequenceType": "gradient echo EPI",
    "ReconMatrixPE": 80,
    "RepetitionTime": 2,
    "SeriesDescription": "ImageMRSERIES",
    "SeriesNumber": 3,
    "SliceEncodingDirection": "k",
    "SliceTiming": [
      0.0,
      0.0556,
      0.1111,
      0.1667,
      0.2222,
      0.2778,
      0.3333,
      0.3889,
      0.4444,
      0.5,
      0.5556,
      0.6111,
      0.6667,
      0.7222,
      0.7778,
      0.8333,
      0.8889,
      0.9444,
      1.0,
      1.0556,
      1.1111,
      1.1667,
      1.2222,
      1.2778,
      1.3333,
      1.3889,
      1.4444,
      1.5,
      1.5556,
      1.6111,
      1.6667,
      1.7222,
      1.7778,
      1.8333,
      1.8889,
      1.9444
    ],
    "TaskName": "workingmemory",
    "TotalReadoutTime": 0.026945238983542674,
    "UsePhilipsFloatNotDisplayScaling": 1,
    "WaterFatShift": 12,
    "acq_id": "seq",
    "dataset": "ds002790",
    "modality": "bold",
    "subject_id": "0004",
    "task_id": "workingmemory"
  },
  "dummy_trs": 0,
  "dvars_nstd": 20.015728860314468,
  "dvars_std": 1.220820719874214,
  "dvars_vstd": 0.952815962201258,
  "efc": 0.3808458198452449,
  "fber": 247195.84375,
  "fd_mean": 0.14949282405789746,
  "fd_num": 34,
  "fd_perc": 21.25,
  "fwhm_avg": 2.13434930248107,
  "fwhm_x": 2.03864,
  "fwhm_y": 2.3812866666666666,
  "fwhm_z": 1.9831212407765422,
  "gcor": 0.016165,
  "gsr_x": -0.021285954862833023,
  "gsr_y": 0.01375624816864729,
  "provenance": {
    "md5sum": "8e0fbd3781c67cf486c69fe5f42d026c",
    "settings": {
      "fd_thres": 0.2,
      "testing": false
    },
    "software": "mriqc",
    "version": "22.0.0rc1",
    "webapi_port": null,
    "webapi_url": "https://mriqc.nimh.nih.gov/api/v1"
  },
  "size_t": 160,
  "size_x": 80,
  "size_y": 80,
  "size_z": 36,
  "snr": 5.5944652701443465,
  "spacing_tr": 2.0,
  "spacing_x": 3.0,
  "spacing_y": 3.0,
  "spacing_z": 3.299999952316284,
  "summary_bg_k": 111.84806508705938,
  "summary_bg_mad": 49.624336796082396,
  "summary_bg_mean": 441.12713623046875,
  "summary_bg_median": 48.369564056396484,
  "summary_bg_n": 164395.0,
  "summary_bg_p05": 4.774440002441406,
  "summary_bg_p95": 2097.318383789059,
  "summary_bg_stdv": 1416.3292236328125,
  "summary_fg_k": 1.3131948252198535,
  "summary_fg_mad": 4157.7204737874035,
  "summary_fg_mean": 24785.6953125,
  "summary_fg_median": 24387.72265625,
  "summary_fg_n": 27508.0,
  "summary_fg_p05": 18310.79541015625,
  "summary_fg_p95": 32074.535546875,
  "summary_fg_stdv": 4359.1796875,
  "tsnr": 72.07256317138672
}