{
  "aor": 0.0019117272727272728,
  "aqi": 0.0050467996363636365,
  "bids_meta": {
    "AcquisitionNumber": 7,
    "BidsifyVersion": "0.3.5",
    "ConversionSoftware": "dcm2niix",
    "ConversionSoftwareVersion": "v1.0.20181125  GCC6.3.0",
    "EchoTime": 0.02763,
    "EffectiveEchoSpacing": 0.0006909035636805814,
    "FlipAngle": 76.1,
    "ImageComments": "PIOP2",
    "ImageOrientationPatientDICOM": [
      0.999306,
      -0.0244549,
      -0.0281129,
      0.0265168,
      0.996795,
      0.0754778
    ],
    "Manufacturer": "Philips",
    "NumberOfVolumesDiscardedByScanner": 2,
    "ParallelAcquisitionTechnique": "SENSE",
    "ParallelReductionFactorInPlane": 2,
    "PatientPosition": "HFS",
    "PhaseEncodingDirection": "j",
    "PhilipsRescaleIntercept": 0,
    "PhilipsRescaleSlope": 0.82076,
    "PhilipsScaleSlope": 0.0587045,
    "ProtocolName": "WIPtask-stop_boldSENSE",
    "PulseSequenceType": "gradient echo EPI",
    "ReconMatrixPE": 80,
    "RepetitionTime": 2,
    "SeriesDescription": "ImageMRSERIES",
    "SeriesNumber": 7,
    "SliceEncodingDirection": "k",
    "SliceTiming": [
      0.0,
      0.0556,
      0.1111,
      0.1667,
      0.2222,
      0.2778,
      0.3333,
      0.3889,
      0.4444,
      0.5,
      0.5556,
      0.6111,
      0.6667,
      0.7222,
      0.7778,
      0.8333,
      0.8889,
      0.9444,
      1.0,
      1.0556,
      1.1111,
      1.1667,
      1.2222,
      1.2778,
      1.3333,
      1.3889,
      1.4444,
      1.5,
      1.5556,
      1.6111,
      1.6667,
      1.7222,
      1.7778,
      1.8333,
      1.8889,
      1.9444
    ],
    "TaskName": "stopsignal",
    "TotalReadoutTime": 0.026945238983542674,
    "UsePhilipsFloatNotDisplayScaling": 1,
    "WaterFatShift": 12,
    "acq_id": "seq",
    "dataset": "ds002790",
    "modality": "bold",
    "subject_id": "0004",
    "task_id": "stopsignal"
  },
  "dummy_trs": 0,
  "dvars_nstd": 22.762980369726023,
  "dvars_std": 1.2584800349315057,
  "dvars_vstd": 0.9833080231963469,
  "efc": 0.3812204648474846,
  "fber": 279373.6875,
  "fd_mean": 0.23828782349323002,
  "fd_num": 111,
  "fd_perc": 50.45454545454545,
  "fwhm_avg": 2.1194961711126794,
  "fwhm_x": 2.02785,
  "fwhm_y": 2.35899,
  "fwhm_z": 1.9716485133380384,
  "gcor": 0.0282059,
  "gsr_x": -0.021613331511616707,
  "gsr_y": 0.014193625189363956,
  "provenance": {
    "md5sum": "fcf3ab9844e06a97b5505f3ab7ffc2c2",
    "settings": {
      "fd_thres": 0.2,
      "testing": false
    },
    "software": "mriqc",
    "version": "22.0.0rc1",
    "webapi_port": null,
    "webapi_url": "https://mriqc.nimh.nih.gov/api/v1"
  },
  "size_t": 220,
  "size_x": 80,
  "size_y": 80,
  "size_z": 36,
  "snr": 5.605177225688484,
  "spacing_tr": 2.0,
  "spacing_x": 3.0,
  "spacing_y": 3.0,
  "spacing_z": 3.299999952316284,
  "summary_bg_k": 116.70687030144549,
  "summary_bg_mad": 44.453051488592244,
  "summary_bg_mean": 443.7611083984375,
  "summary_bg_median": 44.749568939208984,
  "summary_bg_n": 164415.0,
  "summary_bg_p05": 5.154051113128663,
  "summary_bg_p95": 2098.6777832031244,
  "summary_bg_stdv": 1439.6702880859375,
  "summary_fg_k": 1.2516713588778865,
  "summary_fg_mad": 4117.59031198045,
  "summary_fg_mean": 24557.814453125,
  "summary_fg_median": 24172.20703125,
  "summary_fg_n": 27558.0,
  "summary_fg_p05": 18192.373046875,
  "summary_fg_p95": 31810.212695312497,
  "summary_fg_stdv": 4312.400390625,
  "tsnr": 82.08405303955078
}