{
  "aor": 0.001633608695652174,
  "aqi": 0.005889014304347826,
  "bids_meta": {
    "AcquisitionNumber": 7,
    "BidsifyVersion": "0.3.5",
    "ConversionSoftware": "dcm2niix",
    "ConversionSoftwareVersion": "v1.0.20181125  GCC6.3.0",
    "EchoTime": 0.02763,
    "EffectiveEchoSpacing": 0.0006909035636805814,
    "FlipAngle": 76.1,
    "ImageComments": "PIOP2",
    "ImageOrientationPatientDICOM": [
      0.999544,
      -0.0294724,
      0.00650504,
      0.029142,
      0.998512,
      0.0460952
    ],
    "Manufacturer": "Philips",
    "NumberOfVolumesDiscardedByScanner": 2,
    "ParallelAcquisitionTechnique": "SENSE",
    "ParallelReductionFactorInPlane": 2,
    "PatientPosition": "HFS",
    "PhaseEncodingDirection": "j",
    "PhilipsRescaleIntercept": 0,
    "PhilipsRescaleSlope": 0.77021,
    "PhilipsScaleSlope": 0.0549322,
    "ProtocolName": "WIPtask-stop_boldSENSE",
    "PulseSequenceType": "gradient echo EPI",
    "ReconMatrixPE": 80,
    "RepetitionTime": 2,
    "SeriesDescription": "ImageMRSERIES",
    "SeriesNumber": 7,
    "SliceEncodingDirection": "k",
    "SliceTiming": [
      0.0,
      0.0556,
      0.1111,
      0.1667,
      0.2222,
      0.2778,
      0.3333,
      0.3889,
      0.4444,
      0.5,
      0.5556,
      0.6111,
      0.6667,
      0.7222,
      0.7778,
      0.8333,
      0.8889,
      0.9444,
      1.0,
      1.0556,
      1.1111,
      1.1667,
      1.2222,
      1.2778,
      1.3333,
      1.3889,
      1.4444,
      1.5,
      1.5556,
      1.6111,
      1.6667,
      1.7222,
      1.7778,
      1.8333,
      1.8889,
      1.9444
    ],
    "TaskName": "stopsignal",
    "TotalReadoutTime": 0.026945238983542674,
    "UsePhilipsFloatNotDisplayScaling": 1,
    "WaterFatShift": 12,
    "acq_id": "seq",
    "dataset": "ds002790",
    "modality": "bold",
    "subject_id": "0122",
    "task_id": "stopsignal"
  },
  "dummy_trs": 0,
  "dvars_nstd": 19.63653251720524,
  "dvars_std": 1.20608261349345,
  "dvars_vstd": 0.9908791985589521,
  "efc": 0.4882449463229303,
  "fber": 139107.921875,
  "fd_mean": 0.12737601789439318,
  "fd_num": 23,
  "fd_perc": 10.0,
  "fwhm_avg": 1.8866896086726122,
  "fwhm_x": 1.8569266666666666,
  "fwhm_y": 2.0796665013896227,
  "fwhm_z": 1.7234756579615473,
  "gcor": 0.0254371,
  "gsr_x": -0.00261689443141222,
  "gsr_y": 0.016448039561510086,
  "provenance": {
    "md5sum": "128da936a2c61fcba2efc29d691d52d7",
    "settings": {
      "fd_thres": 0.2,
      "testing": false
    },
    "software": "mriqc",
    "version": "22.0.0rc1",
    "webapi_port": null,
    "webapi_url": "https://mriqc.nimh.nih.gov/api/v1"
  },
  "size_t": 230,
  "size_x": 80,
  "size_y": 80,
  "size_z": 36,
  "snr": 5.558362985638907,
  "spacing_tr": 2.0,
  "spacing_x": 3.0,
  "spacing_y": 3.000000238418579,
  "spacing_z": 3.3000001907348633,
  "summary_bg_k": 33.6879699666563,
  "summary_bg_mad": 79.10024919449259,
  "summary_bg_mean": 806.8224487304688,
  "summary_bg_median": 65.15448760986328,
  "summary_bg_n": 143096.0,
  "summary_bg_p05": 4.789620757102966,
  "summary_bg_p95": 4131.435302734375,
  "summary_bg_stdv": 1989.1632080078125,
  "summary_fg_k": 2.623778849479862,
  "summary_fg_mad": 3767.300924345109,
  "summary_fg_mean": 25365.556640625,
  "summary_fg_median": 24717.421875,
  "summary_fg_n": 45456.0,
  "summary_fg_p05": 19532.3408203125,
  "summary_fg_p95": 33077.35546875,
  "summary_fg_stdv": 4446.83984375,
  "tsnr": 80.26215362548828
}