{
  "aor": 0.0027001875,
  "aqi": 0.0054007694374999995,
  "bids_meta": {
    "AcquisitionNumber": 3,
    "BidsifyVersion": "0.3.5",
    "ConversionSoftware": "dcm2niix",
    "ConversionSoftwareVersion": "v1.0.20181125  GCC6.3.0",
    "EchoTime": 0.02763,
    "EffectiveEchoSpacing": 0.0006909035636805814,
    "FlipAngle": 76.1,
    "ImageComments": "PIOP2",
    "ImageOrientationPatientDICOM": [
      0.999544,
      -0.0294724,
      0.00650504,
      0.029142,
      0.998512,
      0.0460952
    ],
    "Manufacturer": "Philips",
    "NumberOfVolumesDiscardedByScanner": 2,
    "ParallelAcquisitionTechnique": "SENSE",
    "ParallelReductionFactorInPlane": 2,
    "PatientPosition": "HFS",
    "PhaseEncodingDirection": "j",
    "PhilipsRescaleIntercept": 0,
    "PhilipsRescaleSlope": 0.75849,
    "PhilipsScaleSlope": 0.0535367,
    "ProtocolName": "WIPtask-wm_boldSENSE",
    "PulseSequenceType": "gradient echo EPI",
    "ReconMatrixPE": 80,
    "RepetitionTime": 2,
    "SeriesDescription": "ImageMRSERIES",
    "SeriesNumber": 3,
    "SliceEncodingDirection": "k",
    "SliceTiming": [
      0.0,
      0.0556,
      0.1111,
      0.1667,
      0.2222,
      0.2778,
      0.3333,
      0.3889,
      0.4444,
      0.5,
      0.5556,
      0.6111,
      0.6667,
      0.7222,
      0.7778,
      0.8333,
      0.8889,
      0.9444,
      1.0,
      1.0556,
      1.1111,
      1.1667,
      1.2222,
      1.2778,
      1.3333,
      1.3889,
      1.4444,
      1.5,
      1.5556,
      1.6111,
      1.6667,
      1.7222,
      1.7778,
      1.8333,
      1.8889,
      1.9444
    ],
    "TaskName": "workingmemory",
    "TotalReadoutTime": 0.026945238983542674,
    "UsePhilipsFloatNotDisplayScaling": 1,
    "WaterFatShift": 12,
    "acq_id": "seq",
    "dataset": "ds002790",
    "modality": "bold",
    "subject_id": "0122",
    "task_id": "workingmemory"
  },
  "dummy_trs": 0,
  "dvars_nstd": 18.407068258364784,
  "dvars_std": 1.173956061069182,
  "dvars_vstd": 0.9935419335220125,
  "efc": 0.4884277582547544,
  "fber": 141900.265625,
  "fd_mean": 0.13285462610967927,
  "fd_num": 19,
  "fd_perc": 11.875,
  "fwhm_avg": 1.907009203829957,
  "fwhm_x": 1.87748,
  "fwhm_y": 2.0829598344612252,
  "fwhm_z": 1.7605877770286458,
  "gcor": 0.029146,
  "gsr_x": -0.003638259833678603,
  "gsr_y": 0.015785863623023033,
  "provenance": {
    "md5sum": "9228118264ee1de79e6ffa15a8efb51d",
    "settings": {
      "fd_thres": 0.2,
      "testing": false
    },
    "software": "mriqc",
    "version": "22.0.0rc1",
    "webapi_port": null,
    "webapi_url": "https://mriqc.nimh.nih.gov/api/v1"
  },
  "size_t": 160,
  "size_x": 80,
  "size_y": 80,
  "size_z": 36,
  "snr": 5.465994307186697,
  "spacing_tr": 2.0,
  "spacing_x": 3.0,
  "spacing_y": 3.000000238418579,
  "spacing_z": 3.3000001907348633,
  "summary_bg_k": 33.72668836520325,
  "summary_bg_mad": 80.3381740302332,
  "summary_bg_mean": 837.8981323242188,
  "summary_bg_median": 66.87855529785156,
  "summary_bg_n": 143146.0,
  "summary_bg_p05": 5.543998718261719,
  "summary_bg_p95": 4227.839599609375,
  "summary_bg_stdv": 2107.775146484375,
  "summary_fg_k": 2.5671593214775,
  "summary_fg_mad": 3999.2731530995334,
  "summary_fg_mean": 26119.0078125,
  "summary_fg_median": 25463.89453125,
  "summary_fg_n": 45502.0,
  "summary_fg_p05": 19975.91318359375,
  "summary_fg_p95": 34195.016015625,
  "summary_fg_stdv": 4658.55126953125,
  "tsnr": 81.06602478027344
}