{
  "aor": 0.0018757079646017699,
  "aqi": 0.0029291499557522124,
  "bids_meta": {
    "AcquisitionNumber": 7,
    "BidsifyVersion": "0.3.5",
    "ConversionSoftware": "dcm2niix",
    "ConversionSoftwareVersion": "v1.0.20181125  GCC6.3.0",
    "EchoTime": 0.02763,
    "EffectiveEchoSpacing": 0.0006909035636805814,
    "FlipAngle": 76.1,
    "ImageComments": "PIOP2",
    "ImageOrientationPatientDICOM": [
      0.999074,
      -0.0410665,
      -0.0128347,
      0.042747,
      0.981298,
      0.18769
    ],
    "Manufacturer": "Philips",
    "NumberOfVolumesDiscardedByScanner": 2,
    "ParallelAcquisitionTechnique": "SENSE",
    "ParallelReductionFactorInPlane": 2,
    "PatientPosition": "HFS",
    "PhaseEncodingDirection": "j",
    "PhilipsRescaleIntercept": 0,
    "PhilipsRescaleSlope": 0.77656,
    "PhilipsScaleSlope": 0.0568371,
    "ProtocolName": "WIPtask-stop_boldSENSE",
    "PulseSequenceType": "gradient echo EPI",
    "ReconMatrixPE": 80,
    "RepetitionTime": 2,
    "SeriesDescription": "ImageMRSERIES",
    "SeriesNumber": 7,
    "SliceEncodingDirection": "k",
    "SliceTiming": [
      0.0,
      0.0556,
      0.1111,
      0.1667,
      0.2222,
      0.2778,
      0.3333,
      0.3889,
      0.4444,
      0.5,
      0.5556,
      0.6111,
      0.6667,
      0.7222,
      0.7778,
      0.8333,
      0.8889,
      0.9444,
      1.0,
      1.0556,
      1.1111,
      1.1667,
      1.2222,
      1.2778,
      1.3333,
      1.3889,
      1.4444,
      1.5,
      1.5556,
      1.6111,
      1.6667,
      1.7222,
      1.7778,
      1.8333,
      1.8889,
      1.9444
    ],
    "TaskName": "stopsignal",
    "TotalReadoutTime": 0.026945238983542674,
    "UsePhilipsFloatNotDisplayScaling": 1,
    "WaterFatShift": 12,
    "acq_id": "seq",
    "dataset": "ds002790",
    "modality": "bold",
    "subject_id": "0153",
    "task_id": "stopsignal"
  },
  "dummy_trs": 0,
  "dvars_nstd": 18.918842985155557,
  "dvars_std": 1.238720176577778,
  "dvars_vstd": 0.9946148922222222,
  "efc": 0.4347084432535616,
  "fber": 222157.03125,
  "fd_mean": 0.12797375375620815,
  "fd_num": 10,
  "fd_perc": 4.424778761061947,
  "fwhm_avg": 2.1489141509788645,
  "fwhm_x": 2.0777466666666666,
  "fwhm_y": 2.3831866666666666,
  "fwhm_z": 1.98580911960326,
  "gcor": 0.0137987,
  "gsr_x": -0.019200937822461128,
  "gsr_y": 0.02128278650343418,
  "provenance": {
    "md5sum": "e70580489bee614786a79084cddeea1b",
    "settings": {
      "fd_thres": 0.2,
      "testing": false
    },
    "software": "mriqc",
    "version": "22.0.0rc1",
    "webapi_port": null,
    "webapi_url": "https://mriqc.nimh.nih.gov/api/v1"
  },
  "size_t": 226,
  "size_x": 80,
  "size_y": 80,
  "size_z": 36,
  "snr": 5.162150193947705,
  "spacing_tr": 2.0,
  "spacing_x": 3.0,
  "spacing_y": 3.0,
  "spacing_z": 3.299999952316284,
  "summary_bg_k": 59.25123522993824,
  "summary_bg_mad": 55.09673467553644,
  "summary_bg_mean": 621.5914916992188,
  "summary_bg_median": 50.74342346191406,
  "summary_bg_n": 154092.0,
  "summary_bg_p05": 6.273370838165283,
  "summary_bg_p95": 2891.9593261718737,
  "summary_bg_stdv": 1745.542236328125,
  "summary_fg_k": 1.20671419389992,
  "summary_fg_mad": 4405.714651907045,
  "summary_fg_mean": 24965.337890625,
  "summary_fg_median": 24419.5859375,
  "summary_fg_n": 35706.0,
  "summary_fg_p05": 18388.28076171875,
  "summary_fg_p95": 33287.0859375,
  "summary_fg_stdv": 4730.4404296875,
  "tsnr": 98.41116333007812
}