{
  "aor": 0.0031160740740740736,
  "aqi": 0.005025621925925925,
  "bids_meta": {
    "AcquisitionNumber": 8,
    "BidsifyVersion": "0.3.5",
    "ConversionSoftware": "dcm2niix",
    "ConversionSoftwareVersion": "v1.0.20181125  GCC6.3.0",
    "EchoTime": 0.02763,
    "EffectiveEchoSpacing": 0.0006909035636805814,
    "FlipAngle": 76.1,
    "ImageComments": "PIOP2",
    "ImageOrientationPatientDICOM": [
      0.999074,
      -0.0410665,
      -0.0128347,
      0.042747,
      0.981298,
      0.18769
    ],
    "Manufacturer": "Philips",
    "NumberOfVolumesDiscardedByScanner": 2,
    "ParallelAcquisitionTechnique": "SENSE",
    "ParallelReductionFactorInPlane": 2,
    "PatientPosition": "HFS",
    "PhaseEncodingDirection": "j",
    "PhilipsRescaleIntercept": 0,
    "PhilipsRescaleSlope": 0.80317,
    "PhilipsScaleSlope": 0.0560935,
    "ProtocolName": "WIPtask-harriri_boldSENSE",
    "PulseSequenceType": "gradient echo EPI",
    "ReconMatrixPE": 80,
    "RepetitionTime": 2,
    "SeriesDescription": "ImageMRSERIES",
    "SeriesNumber": 8,
    "SliceEncodingDirection": "k",
    "SliceTiming": [
      0.0,
      0.0556,
      0.1111,
      0.1667,
      0.2222,
      0.2778,
      0.3333,
      0.3889,
      0.4444,
      0.5,
      0.5556,
      0.6111,
      0.6667,
      0.7222,
      0.7778,
      0.8333,
      0.8889,
      0.9444,
      1.0,
      1.0556,
      1.1111,
      1.1667,
      1.2222,
      1.2778,
      1.3333,
      1.3889,
      1.4444,
      1.5,
      1.5556,
      1.6111,
      1.6667,
      1.7222,
      1.7778,
      1.8333,
      1.8889,
      1.9444
    ],
    "TaskName": "emomatching",
    "TotalReadoutTime": 0.026945238983542674,
    "UsePhilipsFloatNotDisplayScaling": 1,
    "WaterFatShift": 12,
    "acq_id": "seq",
    "dataset": "ds002790",
    "modality": "bold",
    "subject_id": "0153",
    "task_id": "emomatching"
  },
  "dummy_trs": 0,
  "dvars_nstd": 20.002461177014904,
  "dvars_std": 1.2600687103731338,
  "dvars_vstd": 0.9928153510447767,
  "efc": 0.4348697939378687,
  "fber": 219734.578125,
  "fd_mean": 0.14605810078112075,
  "fd_num": 24,
  "fd_perc": 17.77777777777778,
  "fwhm_avg": 2.1410892014635974,
  "fwhm_x": 2.0542599999999998,
  "fwhm_y": 2.3874166666666667,
  "fwhm_z": 1.981590937724127,
  "gcor": 0.00947473,
  "gsr_x": -0.019749639555811882,
  "gsr_y": 0.021356776356697083,
  "provenance": {
    "md5sum": "3ddd62551baa324c55acacccea4a82cf",
    "settings": {
      "fd_thres": 0.2,
      "testing": false
    },
    "software": "mriqc",
    "version": "22.0.0rc1",
    "webapi_port": null,
    "webapi_url": "https://mriqc.nimh.nih.gov/api/v1"
  },
  "size_t": 135,
  "size_x": 80,
  "size_y": 80,
  "size_z": 36,
  "snr": 5.158825146409145,
  "spacing_tr": 2.0,
  "spacing_x": 3.0,
  "spacing_y": 3.0,
  "spacing_z": 3.299999952316284,
  "summary_bg_k": 53.04775719268708,
  "summary_bg_mad": 58.06922362662172,
  "summary_bg_mean": 650.6137084960938,
  "summary_bg_median": 52.57018280029297,
  "summary_bg_n": 154459.0,
  "summary_bg_p05": 7.065904140472413,
  "summary_bg_p95": 3065.1451904296887,
  "summary_bg_stdv": 1772.600830078125,
  "summary_fg_k": 1.3966583309225022,
  "summary_fg_mad": 4457.828699029009,
  "summary_fg_mean": 25429.439453125,
  "summary_fg_median": 24887.046875,
  "summary_fg_n": 35510.0,
  "summary_fg_p05": 18720.108203125,
  "summary_fg_p95": 33898.158203125,
  "summary_fg_stdv": 4824.1015625,
  "tsnr": 79.55374145507812
}