{
  "aor": 0.00276875,
  "aqi": 0.0019218173125000002,
  "bids_meta": {
    "AcquisitionNumber": 3,
    "BidsifyVersion": "0.3.5",
    "ConversionSoftware": "dcm2niix",
    "ConversionSoftwareVersion": "v1.0.20181125  GCC6.3.0",
    "EchoTime": 0.02763,
    "EffectiveEchoSpacing": 0.0006909035636805814,
    "FlipAngle": 76.1,
    "ImageComments": "PIOP2",
    "ImageOrientationPatientDICOM": [
      0.999074,
      -0.0410665,
      -0.0128347,
      0.042747,
      0.981298,
      0.18769
    ],
    "Manufacturer": "Philips",
    "NumberOfVolumesDiscardedByScanner": 2,
    "ParallelAcquisitionTechnique": "SENSE",
    "ParallelReductionFactorInPlane": 2,
    "PatientPosition": "HFS",
    "PhaseEncodingDirection": "j",
    "PhilipsRescaleIntercept": 0,
    "PhilipsRescaleSlope": 0.79731,
    "PhilipsScaleSlope": 0.0555703,
    "ProtocolName": "WIPtask-wm_boldSENSE",
    "PulseSequenceType": "gradient echo EPI",
    "ReconMatrixPE": 80,
    "RepetitionTime": 2,
    "SeriesDescription": "ImageMRSERIES",
    "SeriesNumber": 3,
    "SliceEncodingDirection": "k",
    "SliceTiming": [
      0.0,
      0.0556,
      0.1111,
      0.1667,
      0.2222,
      0.2778,
      0.3333,
      0.3889,
      0.4444,
      0.5,
      0.5556,
      0.6111,
      0.6667,
      0.7222,
      0.7778,
      0.8333,
      0.8889,
      0.9444,
      1.0,
      1.0556,
      1.1111,
      1.1667,
      1.2222,
      1.2778,
      1.3333,
      1.3889,
      1.4444,
      1.5,
      1.5556,
      1.6111,
      1.6667,
      1.7222,
      1.7778,
      1.8333,
      1.8889,
      1.9444
    ],
    "TaskName": "workingmemory",
    "TotalReadoutTime": 0.026945238983542674,
    "UsePhilipsFloatNotDisplayScaling": 1,
    "WaterFatShift": 12,
    "acq_id": "seq",
    "dataset": "ds002790",
    "modality": "bold",
    "subject_id": "0153",
    "task_id": "workingmemory"
  },
  "dummy_trs": 0,
  "dvars_nstd": 18.648837899308177,
  "dvars_std": 1.266283858113209,
  "dvars_vstd": 1.0214550941509435,
  "efc": 0.43257517053492595,
  "fber": 197579.765625,
  "fd_mean": 0.1146745453356,
  "fd_num": 5,
  "fd_perc": 3.125,
  "fwhm_avg": 2.143821524688682,
  "fwhm_x": 2.071903333333333,
  "fwhm_y": 2.3794733333333333,
  "fwhm_z": 1.9800879073993787,
  "gcor": 0.0122633,
  "gsr_x": -0.018214641138911247,
  "gsr_y": 0.020770927891135216,
  "provenance": {
    "md5sum": "b429b960ce7e52264a1cbd963fb6e85d",
    "settings": {
      "fd_thres": 0.2,
      "testing": false
    },
    "software": "mriqc",
    "version": "22.0.0rc1",
    "webapi_port": null,
    "webapi_url": "https://mriqc.nimh.nih.gov/api/v1"
  },
  "size_t": 160,
  "size_x": 80,
  "size_y": 80,
  "size_z": 36,
  "snr": 5.1260881943853915,
  "spacing_tr": 2.0,
  "spacing_x": 3.0,
  "spacing_y": 3.0,
  "spacing_z": 3.299999952316284,
  "summary_bg_k": 62.51946033148653,
  "summary_bg_mad": 55.310913811294846,
  "summary_bg_mean": 599.602294921875,
  "summary_bg_median": 53.77375411987305,
  "summary_bg_n": 154203.0,
  "summary_bg_p05": 7.489620494842529,
  "summary_bg_p95": 2749.881567382811,
  "summary_bg_stdv": 1724.0126953125,
  "summary_fg_k": 1.2630781385959802,
  "summary_fg_mad": 4402.089226169606,
  "summary_fg_mean": 24978.10546875,
  "summary_fg_median": 24433.2265625,
  "summary_fg_n": 35626.0,
  "summary_fg_p05": 18367.47265625,
  "summary_fg_p95": 33339.83203125,
  "summary_fg_stdv": 4766.3798828125,
  "tsnr": 118.38720703125
}