{
  "bids_meta": {
    "AcquisitionNumber": 2,
    "BidsifyVersion": "0.3.5",
    "ConversionSoftware": "dcm2niix",
    "ConversionSoftwareVersion": "v1.0.20181125  GCC6.3.0",
    "EchoTime": 0.00376,
    "ImageComments": "PIOP2",
    "ImageOrientationPatientDICOM": [
      0.998707,
      0.0154839,
      -0.0484159,
      -0.0195249,
      0.996263,
      -0.0841389
    ],
    "Manufacturer": "Philips",
    "NumberSignalAcquisitions": 2,
    "PatientPosition": "HFS",
    "PhilipsRescaleIntercept": 0,
    "PhilipsRescaleSlope": 9.3475,
    "PhilipsScaleSlope": 0.0072096,
    "ProtocolName": "WIPT1anat_acq-6m_T1wSENSE",
    "ReconMatrixPE": 240,
    "RepetitionTime": 0.008213,
    "SeriesDescription": "ImageMRSERIES",
    "SeriesNumber": 2,
    "UsePhilipsFloatNotDisplayScaling": 1,
    "dataset": "ds002790",
    "modality": "T1w",
    "subject_id": "0185"
  },
  "cjv": 0.24212858552744818,
  "cnr": 4.714882983536773,
  "efc": 0.7839761666385684,
  "fber": 1075.0101318359375,
  "fwhm_avg": 4.429526666666667,
  "fwhm_x": 4.06872,
  "fwhm_y": 4.60922,
  "fwhm_z": 4.61064,
  "icvs_csf": 0.2495331399834092,
  "icvs_gm": 0.401402551435639,
  "icvs_wm": 0.3490643085809518,
  "inu_med": 0.7012080550193787,
  "inu_range": 0.2463296353816986,
  "provenance": {
    "md5sum": "0dfda9b0fde0284369de56339d343a42",
    "settings": {
      "testing": false
    },
    "software": "mriqc",
    "version": "22.0.0rc1",
    "warnings": {
      "large_rot_frame": true,
      "small_air_mask": true
    },
    "webapi_port": null,
    "webapi_url": "https://mriqc.nimh.nih.gov/api/v1"
  },
  "qi_1": 0.0,
  "qi_2": 0.00011186683502856905,
  "rpve_csf": 27.494608618769053,
  "rpve_gm": 16.82434948115982,
  "rpve_wm": 25.14443088360814,
  "size_x": 240,
  "size_y": 240,
  "size_z": 220,
  "snr_csf": 3.0497099122369327,
  "snr_gm": 9.790344509738715,
  "snr_total": 12.171753447125946,
  "snr_wm": 23.67520591940219,
  "snrd_csf": 21.361531210418832,
  "snrd_gm": 37.43493094515348,
  "snrd_total": 39.32015431864137,
  "snrd_wm": 59.16400080035179,
  "spacing_x": 1.0,
  "spacing_y": 1.0,
  "spacing_z": 1.0,
  "summary_bg_k": 41.33531757772446,
  "summary_bg_mad": 11.07325955024572,
  "summary_bg_mean": 13.036922454833984,
  "summary_bg_median": 7.72005558013916,
  "summary_bg_n": 130862.0,
  "summary_bg_p05": 0.0,
  "summary_bg_p95": 30.327689647674557,
  "summary_bg_stdv": 10.352150917053223,
  "summary_csf_k": 8.178071628640026,
  "summary_csf_mad": 115.45597368524959,
  "summary_csf_mean": 341.7567443847656,
  "summary_csf_median": 361.05731201171875,
  "summary_csf_n": 11217.0,
  "summary_csf_p05": 122.95899047851563,
  "summary_csf_p95": 492.98544921875,
  "summary_csf_stdv": 118.38542938232422,
  "summary_gm_k": 1.0121306102377972,
  "summary_gm_mad": 54.5093401348934,
  "summary_gm_mean": 635.855712890625,
  "summary_gm_median": 632.7334594726562,
  "summary_gm_n": 13735.0,
  "summary_gm_p05": 533.4823120117187,
  "summary_gm_p95": 749.7542602539062,
  "summary_gm_stdv": 64.62596130371094,
  "summary_wm_k": 2.1598881635551663,
  "summary_wm_mad": 34.417111973998026,
  "summary_wm_mean": 996.9855346679688,
  "summary_wm_median": 1000.0029907226562,
  "summary_wm_n": 162615.0,
  "summary_wm_p05": 920.1199340820312,
  "summary_wm_p95": 1058.208447265625,
  "summary_wm_stdv": 42.238277435302734,
  "tpm_overlap_csf": 0.16662642359733582,
  "tpm_overlap_gm": 0.4551298916339874,
  "tpm_overlap_wm": 0.5096157789230347,
  "wm2max": 0.6766228950874142
}