{
  "aor": 0.007045398230088496,
  "aqi": 0.0067800099999999995,
  "bids_meta": {
    "AcquisitionNumber": 7,
    "BidsifyVersion": "0.3.5",
    "ConversionSoftware": "dcm2niix",
    "ConversionSoftwareVersion": "v1.0.20181125  GCC6.3.0",
    "EchoTime": 0.02763,
    "EffectiveEchoSpacing": 0.0006909035636805814,
    "FlipAngle": 76.1,
    "ImageComments": "PIOP2",
    "ImageOrientationPatientDICOM": [
      0.998162,
      -0.03624,
      0.0485744,
      0.0475959,
      0.964933,
      -0.258147
    ],
    "Manufacturer": "Philips",
    "NumberOfVolumesDiscardedByScanner": 2,
    "ParallelAcquisitionTechnique": "SENSE",
    "ParallelReductionFactorInPlane": 2,
    "PatientPosition": "HFS",
    "PhaseEncodingDirection": "j",
    "PhilipsRescaleIntercept": 0,
    "PhilipsRescaleSlope": 0.78388,
    "PhilipsScaleSlope": 0.0518111,
    "ProtocolName": "WIPtask-stop_boldSENSE",
    "PulseSequenceType": "gradient echo EPI",
    "ReconMatrixPE": 80,
    "RepetitionTime": 2,
    "SeriesDescription": "ImageMRSERIES",
    "SeriesNumber": 7,
    "SliceEncodingDirection": "k",
    "SliceTiming": [
      0.0,
      0.0556,
      0.1111,
      0.1667,
      0.2222,
      0.2778,
      0.3333,
      0.3889,
      0.4444,
      0.5,
      0.5556,
      0.6111,
      0.6667,
      0.7222,
      0.7778,
      0.8333,
      0.8889,
      0.9444,
      1.0,
      1.0556,
      1.1111,
      1.1667,
      1.2222,
      1.2778,
      1.3333,
      1.3889,
      1.4444,
      1.5,
      1.5556,
      1.6111,
      1.6667,
      1.7222,
      1.7778,
      1.8333,
      1.8889,
      1.9444
    ],
    "TaskName": "stopsignal",
    "TotalReadoutTime": 0.026945238983542674,
    "UsePhilipsFloatNotDisplayScaling": 1,
    "WaterFatShift": 12,
    "acq_id": "seq",
    "dataset": "ds002790",
    "modality": "bold",
    "subject_id": "0097",
    "task_id": "stopsignal"
  },
  "dummy_trs": 0,
  "dvars_nstd": 20.96158050582223,
  "dvars_std": 1.2032496857333332,
  "dvars_vstd": 1.0150615646222225,
  "efc": 0.3950604567587011,
  "fber": 279232.8125,
  "fd_mean": 0.18285123851191548,
  "fd_num": 53,
  "fd_perc": 23.451327433628318,
  "fwhm_avg": 1.9785235442353608,
  "fwhm_x": 1.9368666666666667,
  "fwhm_y": 2.1546766666666666,
  "fwhm_z": 1.8440272993727496,
  "gcor": 0.0131328,
  "gsr_x": -0.014859812334179878,
  "gsr_y": 0.010047411546111107,
  "provenance": {
    "md5sum": "542959b06eaea2cc94b1179547f994a2",
    "settings": {
      "fd_thres": 0.2,
      "testing": false
    },
    "software": "mriqc",
    "version": "22.0.0rc1",
    "webapi_port": null,
    "webapi_url": "https://mriqc.nimh.nih.gov/api/v1"
  },
  "size_t": 226,
  "size_x": 80,
  "size_y": 80,
  "size_z": 36,
  "snr": 5.637416691811532,
  "spacing_tr": 2.0,
  "spacing_x": 3.0,
  "spacing_y": 3.0,
  "spacing_z": 3.299999952316284,
  "summary_bg_k": 55.067079187588575,
  "summary_bg_mad": 51.33878931822254,
  "summary_bg_mean": 476.21923828125,
  "summary_bg_median": 50.10961151123047,
  "summary_bg_n": 160651.0,
  "summary_bg_p05": 4.691279172897339,
  "summary_bg_p95": 2333.2303466796875,
  "summary_bg_stdv": 1451.9508056640625,
  "summary_fg_k": 1.6971505935645128,
  "summary_fg_mad": 4407.669254441208,
  "summary_fg_mean": 27563.203125,
  "summary_fg_median": 26988.80078125,
  "summary_fg_n": 30351.0,
  "summary_fg_p05": 20876.439453125,
  "summary_fg_p95": 35801.822265625,
  "summary_fg_stdv": 4787.3623046875,
  "tsnr": 73.90800476074219
}