{
  "aor": 0.0023850833333333337,
  "aqi": 0.009121230583333332,
  "bids_meta": {
    "AcquisitionNumber": 4,
    "BidsifyVersion": "0.3.5",
    "ConversionSoftware": "dcm2niix",
    "ConversionSoftwareVersion": "v1.0.20181125  GCC6.3.0",
    "EchoTime": 0.02763,
    "EffectiveEchoSpacing": 0.0006909035636805814,
    "FlipAngle": 76.1,
    "ImageComments": "PIOP2",
    "ImageOrientationPatientDICOM": [
      0.995749,
      0.0795661,
      -0.046395,
      -0.0766187,
      0.99512,
      0.0621779
    ],
    "Manufacturer": "Philips",
    "NumberOfVolumesDiscardedByScanner": 2,
    "ParallelAcquisitionTechnique": "SENSE",
    "ParallelReductionFactorInPlane": 2,
    "PatientPosition": "HFS",
    "PhaseEncodingDirection": "j",
    "PhilipsRescaleIntercept": 0,
    "PhilipsRescaleSlope": 0.83175,
    "PhilipsScaleSlope": 0.0603658,
    "ProtocolName": "WIPtask-rest_boldSENSE",
    "PulseSequenceType": "gradient echo EPI",
    "ReconMatrixPE": 80,
    "RepetitionTime": 2,
    "SeriesDescription": "ImageMRSERIES",
    "SeriesNumber": 4,
    "SliceEncodingDirection": "k",
    "SliceTiming": [
      0.0,
      0.0556,
      0.1111,
      0.1667,
      0.2222,
      0.2778,
      0.3333,
      0.3889,
      0.4444,
      0.5,
      0.5556,
      0.6111,
      0.6667,
      0.7222,
      0.7778,
      0.8333,
      0.8889,
      0.9444,
      1.0,
      1.0556,
      1.1111,
      1.1667,
      1.2222,
      1.2778,
      1.3333,
      1.3889,
      1.4444,
      1.5,
      1.5556,
      1.6111,
      1.6667,
      1.7222,
      1.7778,
      1.8333,
      1.8889,
      1.9444
    ],
    "TaskName": "restingstate",
    "TotalReadoutTime": 0.026945238983542674,
    "UsePhilipsFloatNotDisplayScaling": 1,
    "WaterFatShift": 12,
    "acq_id": "seq",
    "dataset": "ds002790",
    "modality": "bold",
    "subject_id": "0111",
    "task_id": "restingstate"
  },
  "dummy_trs": 0,
  "dvars_nstd": 20.519585916610886,
  "dvars_std": 1.274514604853557,
  "dvars_vstd": 0.9846087535564858,
  "efc": 0.44961424767582264,
  "fber": 219151.640625,
  "fd_mean": 0.1990141837219751,
  "fd_num": 97,
  "fd_perc": 40.416666666666664,
  "fwhm_avg": 1.8273259676897708,
  "fwhm_x": 1.78437,
  "fwhm_y": 2.017186666666667,
  "fwhm_z": 1.6804212364026452,
  "gcor": 0.0453381,
  "gsr_x": -0.017042435705661774,
  "gsr_y": 0.020634792745113373,
  "provenance": {
    "md5sum": "bc0d02f3e3b6ce939ae4a67cbde9c7a2",
    "settings": {
      "fd_thres": 0.2,
      "testing": false
    },
    "software": "mriqc",
    "version": "22.0.0rc1",
    "webapi_port": null,
    "webapi_url": "https://mriqc.nimh.nih.gov/api/v1"
  },
  "size_t": 240,
  "size_x": 80,
  "size_y": 80,
  "size_z": 36,
  "snr": 6.945738279335286,
  "spacing_tr": 2.0,
  "spacing_x": 3.0,
  "spacing_y": 3.0,
  "spacing_z": 3.299999952316284,
  "summary_bg_k": 76.35319027634553,
  "summary_bg_mad": 62.94690003376893,
  "summary_bg_mean": 581.8108520507812,
  "summary_bg_median": 54.43117904663086,
  "summary_bg_n": 150449.0,
  "summary_bg_p05": 3.568571090698242,
  "summary_bg_p95": 2877.5631835937525,
  "summary_bg_stdv": 1656.4661865234375,
  "summary_fg_k": 3.09474789733744,
  "summary_fg_mad": 3439.101441053263,
  "summary_fg_mean": 26274.71875,
  "summary_fg_median": 26043.74609375,
  "summary_fg_n": 38972.0,
  "summary_fg_p05": 21025.386328125,
  "summary_fg_p95": 32199.291992187496,
  "summary_fg_stdv": 3749.552734375,
  "tsnr": 78.209228515625
}