{
  "aor": 0.0013509047619047617,
  "aqi": 0.007145527666666667,
  "bids_meta": {
    "AcquisitionNumber": 7,
    "BidsifyVersion": "0.3.5",
    "ConversionSoftware": "dcm2niix",
    "ConversionSoftwareVersion": "v1.0.20181125  GCC6.3.0",
    "EchoTime": 0.02763,
    "EffectiveEchoSpacing": 0.0006909035636805814,
    "FlipAngle": 76.1,
    "ImageComments": "PIOP2",
    "ImageOrientationPatientDICOM": [
      0.995749,
      0.0795661,
      -0.046395,
      -0.0766187,
      0.99512,
      0.0621779
    ],
    "Manufacturer": "Philips",
    "NumberOfVolumesDiscardedByScanner": 2,
    "ParallelAcquisitionTechnique": "SENSE",
    "ParallelReductionFactorInPlane": 2,
    "PatientPosition": "HFS",
    "PhaseEncodingDirection": "j",
    "PhilipsRescaleIntercept": 0,
    "PhilipsRescaleSlope": 0.87033,
    "PhilipsScaleSlope": 0.0582983,
    "ProtocolName": "WIPtask-stop_boldSENSE",
    "PulseSequenceType": "gradient echo EPI",
    "ReconMatrixPE": 80,
    "RepetitionTime": 2,
    "SeriesDescription": "ImageMRSERIES",
    "SeriesNumber": 7,
    "SliceEncodingDirection": "k",
    "SliceTiming": [
      0.0,
      0.0556,
      0.1111,
      0.1667,
      0.2222,
      0.2778,
      0.3333,
      0.3889,
      0.4444,
      0.5,
      0.5556,
      0.6111,
      0.6667,
      0.7222,
      0.7778,
      0.8333,
      0.8889,
      0.9444,
      1.0,
      1.0556,
      1.1111,
      1.1667,
      1.2222,
      1.2778,
      1.3333,
      1.3889,
      1.4444,
      1.5,
      1.5556,
      1.6111,
      1.6667,
      1.7222,
      1.7778,
      1.8333,
      1.8889,
      1.9444
    ],
    "TaskName": "stopsignal",
    "TotalReadoutTime": 0.026945238983542674,
    "UsePhilipsFloatNotDisplayScaling": 1,
    "WaterFatShift": 12,
    "acq_id": "seq",
    "dataset": "ds002790",
    "modality": "bold",
    "subject_id": "0111",
    "task_id": "stopsignal"
  },
  "dummy_trs": 0,
  "dvars_nstd": 19.93128705803828,
  "dvars_std": 1.2724900372248802,
  "dvars_vstd": 0.9786610222009569,
  "efc": 0.4497917869786982,
  "fber": 225318.734375,
  "fd_mean": 0.15974757492324643,
  "fd_num": 48,
  "fd_perc": 22.857142857142858,
  "fwhm_avg": 1.8413149577377375,
  "fwhm_x": 1.7824600000000002,
  "fwhm_y": 2.030133333333333,
  "fwhm_z": 1.7113515398798789,
  "gcor": 0.0140574,
  "gsr_x": -0.017286280170083046,
  "gsr_y": 0.021181974560022354,
  "provenance": {
    "md5sum": "088acb9993c8c333544f3a0491c15650",
    "settings": {
      "fd_thres": 0.2,
      "testing": false
    },
    "software": "mriqc",
    "version": "22.0.0rc1",
    "webapi_port": null,
    "webapi_url": "https://mriqc.nimh.nih.gov/api/v1"
  },
  "size_t": 210,
  "size_x": 80,
  "size_y": 80,
  "size_z": 36,
  "snr": 6.969319273366147,
  "spacing_tr": 2.0,
  "spacing_x": 3.0,
  "spacing_y": 3.0,
  "spacing_z": 3.299999952316284,
  "summary_bg_k": 79.42809447101486,
  "summary_bg_mad": 61.19000447135788,
  "summary_bg_mean": 568.2337646484375,
  "summary_bg_median": 52.83573532104492,
  "summary_bg_n": 150469.0,
  "summary_bg_p05": 3.386972570419312,
  "summary_bg_p95": 2836.1841796875005,
  "summary_bg_stdv": 1589.9005126953125,
  "summary_fg_k": 3.1152097885162355,
  "summary_fg_mad": 3412.200318768269,
  "summary_fg_mean": 25887.689453125,
  "summary_fg_median": 25687.400390625,
  "summary_fg_n": 39055.0,
  "summary_fg_p05": 20705.9525390625,
  "summary_fg_p95": 31693.475781249996,
  "summary_fg_stdv": 3685.736083984375,
  "tsnr": 88.3297348022461
}