{
  "aor": 0.00322175,
  "aqi": 0.00570314,
  "bids_meta": {
    "AcquisitionNumber": 3,
    "BidsifyVersion": "0.3.5",
    "ConversionSoftware": "dcm2niix",
    "ConversionSoftwareVersion": "v1.0.20181125  GCC6.3.0",
    "EchoTime": 0.02763,
    "EffectiveEchoSpacing": 0.0006909035636805814,
    "FlipAngle": 76.1,
    "ImageComments": "PIOP2",
    "ImageOrientationPatientDICOM": [
      0.995749,
      0.0795661,
      -0.046395,
      -0.0766187,
      0.99512,
      0.0621779
    ],
    "Manufacturer": "Philips",
    "NumberOfVolumesDiscardedByScanner": 2,
    "ParallelAcquisitionTechnique": "SENSE",
    "ParallelReductionFactorInPlane": 2,
    "PatientPosition": "HFS",
    "PhaseEncodingDirection": "j",
    "PhilipsRescaleIntercept": 0,
    "PhilipsRescaleSlope": 0.80586,
    "PhilipsScaleSlope": 0.0606608,
    "ProtocolName": "WIPtask-wm_boldSENSE",
    "PulseSequenceType": "gradient echo EPI",
    "ReconMatrixPE": 80,
    "RepetitionTime": 2,
    "SeriesDescription": "ImageMRSERIES",
    "SeriesNumber": 3,
    "SliceEncodingDirection": "k",
    "SliceTiming": [
      0.0,
      0.0556,
      0.1111,
      0.1667,
      0.2222,
      0.2778,
      0.3333,
      0.3889,
      0.4444,
      0.5,
      0.5556,
      0.6111,
      0.6667,
      0.7222,
      0.7778,
      0.8333,
      0.8889,
      0.9444,
      1.0,
      1.0556,
      1.1111,
      1.1667,
      1.2222,
      1.2778,
      1.3333,
      1.3889,
      1.4444,
      1.5,
      1.5556,
      1.6111,
      1.6667,
      1.7222,
      1.7778,
      1.8333,
      1.8889,
      1.9444
    ],
    "TaskName": "workingmemory",
    "TotalReadoutTime": 0.026945238983542674,
    "UsePhilipsFloatNotDisplayScaling": 1,
    "WaterFatShift": 12,
    "acq_id": "seq",
    "dataset": "ds002790",
    "modality": "bold",
    "subject_id": "0111",
    "task_id": "workingmemory"
  },
  "dummy_trs": 0,
  "dvars_nstd": 21.402632431383648,
  "dvars_std": 1.3567366301886792,
  "dvars_vstd": 1.0153788333333333,
  "efc": 0.44897246987099637,
  "fber": 230851.671875,
  "fd_mean": 0.17592765571740154,
  "fd_num": 45,
  "fd_perc": 28.125,
  "fwhm_avg": 1.841725967679977,
  "fwhm_x": 1.80905,
  "fwhm_y": 2.03774,
  "fwhm_z": 1.678387903039931,
  "gcor": 0.0281579,
  "gsr_x": -0.017267797142267227,
  "gsr_y": 0.02084868587553501,
  "provenance": {
    "md5sum": "94b56907da2cf2cdcce701fada95a825",
    "settings": {
      "fd_thres": 0.2,
      "testing": false
    },
    "software": "mriqc",
    "version": "22.0.0rc1",
    "webapi_port": null,
    "webapi_url": "https://mriqc.nimh.nih.gov/api/v1"
  },
  "size_t": 160,
  "size_x": 80,
  "size_y": 80,
  "size_z": 36,
  "snr": 6.925796322464945,
  "spacing_tr": 2.0,
  "spacing_x": 3.0,
  "spacing_y": 3.0,
  "spacing_z": 3.299999952316284,
  "summary_bg_k": 84.43107728022213,
  "summary_bg_mad": 59.724114783200804,
  "summary_bg_mean": 559.9525756835938,
  "summary_bg_median": 53.010414123535156,
  "summary_bg_n": 150324.0,
  "summary_bg_p05": 4.468077254295349,
  "summary_bg_p95": 2794.2089599609394,
  "summary_bg_stdv": 1592.3848876953125,
  "summary_fg_k": 2.785319970911438,
  "summary_fg_mad": 3496.686927417153,
  "summary_fg_mean": 26292.19921875,
  "summary_fg_median": 26073.05859375,
  "summary_fg_n": 39080.0,
  "summary_fg_p05": 20969.171875,
  "summary_fg_p95": 32268.105566406248,
  "summary_fg_stdv": 3764.58154296875,
  "tsnr": 90.06739807128906
}