{
  "bids_meta": {
    "AcquisitionNumber": 2,
    "BidsifyVersion": "0.3.5",
    "ConversionSoftware": "dcm2niix",
    "ConversionSoftwareVersion": "v1.0.20181125  GCC6.3.0",
    "EchoTime": 0.00375,
    "ImageComments": "PIOP2",
    "ImageOrientationPatientDICOM": [
      0.996599,
      0.0794341,
      -0.0219245,
      -0.0798343,
      0.996645,
      -0.0180278
    ],
    "Manufacturer": "Philips",
    "PatientPosition": "HFS",
    "PhilipsRescaleIntercept": 0,
    "PhilipsRescaleSlope": 8.60562,
    "PhilipsScaleSlope": 0.00720134,
    "ProtocolName": "WIPT1anat_acq-6m_T1wSENSE",
    "ReconMatrixPE": 240,
    "RepetitionTime": 0.008159,
    "SeriesDescription": "ImageMRSERIES",
    "SeriesNumber": 2,
    "UsePhilipsFloatNotDisplayScaling": 1,
    "dataset": "ds002790",
    "modality": "T1w",
    "subject_id": "0218"
  },
  "cjv": 0.23094002740752306,
  "cnr": 5.285044173358617,
  "efc": 0.7245122674822476,
  "fber": 8572.290844444446,
  "fwhm_avg": 5.081696762754724,
  "fwhm_x": 4.836270288264172,
  "fwhm_y": 5.13022,
  "fwhm_z": 5.2786,
  "icvs_csf": 0.24879988417829088,
  "icvs_gm": 0.4331248115093256,
  "icvs_wm": 0.31807530431238357,
  "inu_med": 0.5664988458156586,
  "inu_range": 0.17379288375377655,
  "provenance": {
    "md5sum": "3df9f52ebc86bedf6fe3a57bb4d24bf4",
    "settings": {
      "testing": false
    },
    "software": "mriqc",
    "version": "23.0.1",
    "warnings": {
      "large_rot_frame": true,
      "small_air_mask": true
    },
    "webapi_port": null,
    "webapi_url": "https://mriqc.nimh.nih.gov/api/v1"
  },
  "qi_1": 0.0,
  "qi_2": 1.4833378225774744e-05,
  "rpve_csf": 23.664797283682322,
  "rpve_gm": 13.954736527053106,
  "rpve_wm": 22.821263133495346,
  "size_x": 240,
  "size_y": 240,
  "size_z": 220,
  "snr_csf": 1.6529847785594596,
  "snr_gm": 9.7794959435089,
  "snr_total": 14.014013264957974,
  "snr_wm": 30.609559072805563,
  "snrd_csf": 3.862093868330736,
  "snrd_gm": 13.829911711816667,
  "snrd_total": 13.554697125226676,
  "snrd_wm": 22.972085795532625,
  "spacing_x": 0.9999999403953552,
  "spacing_y": 1.0,
  "spacing_z": 1.0,
  "summary_bg_k": 29.893435762958312,
  "summary_bg_mad": 0.0,
  "summary_bg_mean": 8.257190800580576,
  "summary_bg_median": 0.0,
  "summary_bg_n": 145425.0,
  "summary_bg_p05": 0.0,
  "summary_bg_p95": 48.66017410904118,
  "summary_bg_stdv": 28.518803213112726,
  "summary_csf_k": -0.5894950772072844,
  "summary_csf_mad": 114.75329988620113,
  "summary_csf_mean": 180.6100533361845,
  "summary_csf_median": 168.12116533517838,
  "summary_csf_n": 44906.0,
  "summary_csf_p05": 37.23813468590379,
  "summary_csf_p95": 354.1744489525445,
  "summary_csf_stdv": 101.70649819781252,
  "summary_gm_k": 0.0923645540453637,
  "summary_gm_mad": 62.70529650129253,
  "summary_gm_mean": 602.244533809391,
  "summary_gm_median": 602.0311656687409,
  "summary_gm_n": 45449.0,
  "summary_gm_p05": 503.1105009187013,
  "summary_gm_p95": 702.2707726154476,
  "summary_gm_stdv": 61.559874451510275,
  "summary_wm_k": 0.9104846491521945,
  "summary_wm_mad": 29.201634961100886,
  "summary_wm_mean": 998.1495430520713,
  "summary_wm_median": 999.9999911431223,
  "summary_wm_n": 172423.0,
  "summary_wm_p05": 940.2980726109818,
  "summary_wm_p95": 1048.3150420440359,
  "summary_wm_stdv": 32.669437965939935,
  "tpm_overlap_csf": 0.1570315204846913,
  "tpm_overlap_gm": 0.5032581549219879,
  "tpm_overlap_wm": 0.5218443039144532,
  "wm2max": 0.7937153226087866
}