{
  "aor": 0.004269583333333334,
  "aqi": 0.004262134291666666,
  "bids_meta": {
    "AcquisitionNumber": 4,
    "BidsifyVersion": "0.3.5",
    "ConversionSoftware": "dcm2niix",
    "ConversionSoftwareVersion": "v1.0.20181125  GCC6.3.0",
    "EchoTime": 0.02763,
    "EffectiveEchoSpacing": 0.0006909035636805814,
    "FlipAngle": 76.1,
    "ImageComments": "PIOP2",
    "ImageOrientationPatientDICOM": [
      0.998876,
      0.0382443,
      -0.0279978,
      -0.0441359,
      0.965853,
      -0.255302
    ],
    "Manufacturer": "Philips",
    "NumberOfVolumesDiscardedByScanner": 2,
    "ParallelAcquisitionTechnique": "SENSE",
    "ParallelReductionFactorInPlane": 2,
    "PatientPosition": "HFS",
    "PhaseEncodingDirection": "j",
    "PhilipsRescaleIntercept": 0,
    "PhilipsRescaleSlope": 0.77729,
    "PhilipsScaleSlope": 0.0558473,
    "ProtocolName": "WIPtask-rest_boldSENSE",
    "PulseSequenceType": "gradient echo EPI",
    "ReconMatrixPE": 80,
    "RepetitionTime": 2,
    "SeriesDescription": "ImageMRSERIES",
    "SeriesNumber": 4,
    "SliceEncodingDirection": "k",
    "SliceTiming": [
      0.0,
      0.0556,
      0.1111,
      0.1667,
      0.2222,
      0.2778,
      0.3333,
      0.3889,
      0.4444,
      0.5,
      0.5556,
      0.6111,
      0.6667,
      0.7222,
      0.7778,
      0.8333,
      0.8889,
      0.9444,
      1.0,
      1.0556,
      1.1111,
      1.1667,
      1.2222,
      1.2778,
      1.3333,
      1.3889,
      1.4444,
      1.5,
      1.5556,
      1.6111,
      1.6667,
      1.7222,
      1.7778,
      1.8333,
      1.8889,
      1.9444
    ],
    "TaskName": "restingstate",
    "TotalReadoutTime": 0.026945238983542674,
    "UsePhilipsFloatNotDisplayScaling": 1,
    "WaterFatShift": 12,
    "acq_id": "seq",
    "dataset": "ds002790",
    "modality": "bold",
    "subject_id": "0144",
    "task_id": "restingstate"
  },
  "dummy_trs": 0,
  "dvars_nstd": 19.159587293430945,
  "dvars_std": 1.234567564351465,
  "dvars_vstd": 1.0405238041004183,
  "efc": 0.4433014690899798,
  "fber": 213838.921875,
  "fd_mean": 0.2228280006359911,
  "fd_num": 118,
  "fd_perc": 49.166666666666664,
  "fwhm_avg": 1.9301757661133614,
  "fwhm_x": 1.8786166666666666,
  "fwhm_y": 2.13935,
  "fwhm_z": 1.7725606316734175,
  "gcor": 0.0534844,
  "gsr_x": -0.020492294803261757,
  "gsr_y": 0.01782003790140152,
  "provenance": {
    "md5sum": "1661a39a8dd2fe2e0e4409849432e27e",
    "settings": {
      "fd_thres": 0.2,
      "testing": false
    },
    "software": "mriqc",
    "version": "22.0.0rc1",
    "webapi_port": null,
    "webapi_url": "https://mriqc.nimh.nih.gov/api/v1"
  },
  "size_t": 240,
  "size_x": 80,
  "size_y": 80,
  "size_z": 36,
  "snr": 5.90757609783609,
  "spacing_tr": 2.0,
  "spacing_x": 3.0,
  "spacing_y": 3.0,
  "spacing_z": 3.299999952316284,
  "summary_bg_k": 77.49771110400623,
  "summary_bg_mad": 59.04499361871426,
  "summary_bg_mean": 648.2219848632812,
  "summary_bg_median": 55.33958435058594,
  "summary_bg_n": 152048.0,
  "summary_bg_p05": 4.631983900070191,
  "summary_bg_p95": 3500.045800781246,
  "summary_bg_stdv": 1935.30029296875,
  "summary_fg_k": 2.0392741889537938,
  "summary_fg_mad": 4174.799356374798,
  "summary_fg_mean": 26378.392578125,
  "summary_fg_median": 26023.658203125,
  "summary_fg_n": 37185.0,
  "summary_fg_p05": 20194.376953125,
  "summary_fg_p95": 33446.82421874999,
  "summary_fg_stdv": 4405.07373046875,
  "tsnr": 85.11456298828125
}