{
  "aor": 0.013294935064935063,
  "aqi": 0.013547485021645022,
  "bids_meta": {
    "AcquisitionNumber": 7,
    "BidsifyVersion": "0.3.5",
    "ConversionSoftware": "dcm2niix",
    "ConversionSoftwareVersion": "v1.0.20181125  GCC6.3.0",
    "EchoTime": 0.02763,
    "EffectiveEchoSpacing": 0.0006909035636805814,
    "FlipAngle": 76.1,
    "ImageComments": "PIOP2",
    "ImageOrientationPatientDICOM": [
      0.998876,
      0.0382443,
      -0.0279978,
      -0.0441359,
      0.965853,
      -0.255302
    ],
    "Manufacturer": "Philips",
    "NumberOfVolumesDiscardedByScanner": 2,
    "ParallelAcquisitionTechnique": "SENSE",
    "ParallelReductionFactorInPlane": 2,
    "PatientPosition": "HFS",
    "PhaseEncodingDirection": "j",
    "PhilipsRescaleIntercept": 0,
    "PhilipsRescaleSlope": 0.78388,
    "PhilipsScaleSlope": 0.0547843,
    "ProtocolName": "WIPtask-stop_boldSENSE",
    "PulseSequenceType": "gradient echo EPI",
    "ReconMatrixPE": 80,
    "RepetitionTime": 2,
    "SeriesDescription": "ImageMRSERIES",
    "SeriesNumber": 7,
    "SliceEncodingDirection": "k",
    "SliceTiming": [
      0.0,
      0.0556,
      0.1111,
      0.1667,
      0.2222,
      0.2778,
      0.3333,
      0.3889,
      0.4444,
      0.5,
      0.5556,
      0.6111,
      0.6667,
      0.7222,
      0.7778,
      0.8333,
      0.8889,
      0.9444,
      1.0,
      1.0556,
      1.1111,
      1.1667,
      1.2222,
      1.2778,
      1.3333,
      1.3889,
      1.4444,
      1.5,
      1.5556,
      1.6111,
      1.6667,
      1.7222,
      1.7778,
      1.8333,
      1.8889,
      1.9444
    ],
    "TaskName": "stopsignal",
    "TotalReadoutTime": 0.026945238983542674,
    "UsePhilipsFloatNotDisplayScaling": 1,
    "WaterFatShift": 12,
    "acq_id": "seq",
    "dataset": "ds002790",
    "modality": "bold",
    "subject_id": "0144",
    "task_id": "stopsignal"
  },
  "dummy_trs": 1,
  "dvars_nstd": 23.369644973130438,
  "dvars_std": 1.145343185869565,
  "dvars_vstd": 0.9985668506086958,
  "efc": 0.44422010110701643,
  "fber": 213782.4375,
  "fd_mean": 0.28536486786502097,
  "fd_num": 109,
  "fd_perc": 47.18614718614719,
  "fwhm_avg": 1.9658726349631603,
  "fwhm_x": 1.9021666666666668,
  "fwhm_y": 2.1890633333333334,
  "fwhm_z": 1.806387904889481,
  "gcor": 0.0482597,
  "gsr_x": -0.021090425550937653,
  "gsr_y": 0.01858903467655182,
  "provenance": {
    "md5sum": "438936e4ff0ef8425f1950c8c71db65e",
    "settings": {
      "fd_thres": 0.2,
      "testing": false
    },
    "software": "mriqc",
    "version": "22.0.0rc1",
    "webapi_port": null,
    "webapi_url": "https://mriqc.nimh.nih.gov/api/v1"
  },
  "size_t": 231,
  "size_x": 80,
  "size_y": 80,
  "size_z": 36,
  "snr": 5.7762386027035815,
  "spacing_tr": 2.0,
  "spacing_x": 3.0,
  "spacing_y": 3.0,
  "spacing_z": 3.299999952316284,
  "summary_bg_k": 79.64117382255107,
  "summary_bg_mad": 56.97812091504828,
  "summary_bg_mean": 642.888916015625,
  "summary_bg_median": 54.18335723876953,
  "summary_bg_n": 151780.0,
  "summary_bg_p05": 5.281893849372866,
  "summary_bg_p95": 3486.8819702148426,
  "summary_bg_stdv": 1907.287109375,
  "summary_fg_k": 2.240281785991252,
  "summary_fg_mad": 4158.204056932892,
  "summary_fg_mean": 26022.9296875,
  "summary_fg_median": 25637.640625,
  "summary_fg_n": 37233.0,
  "summary_fg_p05": 19819.159765625,
  "summary_fg_p95": 33162.84140625,
  "summary_fg_stdv": 4438.40673828125,
  "tsnr": 55.46634292602539
}