{
  "bids_meta": {
    "AcquisitionNumber": 2,
    "BidsifyVersion": "0.3.5",
    "ConversionSoftware": "dcm2niix",
    "ConversionSoftwareVersion": "v1.0.20181125  GCC6.3.0",
    "EchoTime": 0.00383,
    "ImageComments": "PIOP2",
    "ImageOrientationPatientDICOM": [
      0.995636,
      -0.0868879,
      0.034053,
      0.0904348,
      0.988373,
      -0.122234
    ],
    "Manufacturer": "Philips",
    "NumberSignalAcquisitions": 2,
    "PatientPosition": "HFS",
    "PhilipsRescaleIntercept": 0,
    "PhilipsRescaleSlope": 9.99878,
    "PhilipsScaleSlope": 0.00780603,
    "ProtocolName": "WIPT1anat_acq-6m_T1wSENSE",
    "ReconMatrixPE": 240,
    "RepetitionTime": 0.008302,
    "SeriesDescription": "ImageMRSERIES",
    "SeriesNumber": 2,
    "UsePhilipsFloatNotDisplayScaling": 1,
    "dataset": "ds002790",
    "modality": "T1w",
    "subject_id": "0061"
  },
  "cjv": 0.2744416994241094,
  "cnr": 4.430972230620703,
  "efc": 0.7598669038263675,
  "fber": 1524.6470947265625,
  "fwhm_avg": 4.486096666666667,
  "fwhm_x": 4.32702,
  "fwhm_y": 4.44204,
  "fwhm_z": 4.68923,
  "icvs_csf": 0.23440265154862697,
  "icvs_gm": 0.4229440496648558,
  "icvs_wm": 0.3426532987865172,
  "inu_med": 1.6753478050231934,
  "inu_range": 0.2638184547424316,
  "provenance": {
    "md5sum": "71b671ea16a6a3e0523deae824238d11",
    "settings": {
      "testing": false
    },
    "software": "mriqc",
    "version": "22.0.0rc1",
    "warnings": {
      "large_rot_frame": true,
      "small_air_mask": true
    },
    "webapi_port": null,
    "webapi_url": "https://mriqc.nimh.nih.gov/api/v1"
  },
  "qi_1": 0.0,
  "qi_2": 4.95067014320824e-05,
  "rpve_csf": 30.14719737633862,
  "rpve_gm": 17.268979540002043,
  "rpve_wm": 26.277219076124,
  "size_x": 240,
  "size_y": 240,
  "size_z": 220,
  "snr_csf": 2.5517894932584717,
  "snr_gm": 9.700367024033936,
  "snr_total": 11.663005768929246,
  "snr_wm": 22.73686078949533,
  "snrd_csf": 18.065074706739864,
  "snrd_gm": 48.8992939296957,
  "snrd_total": 47.633611173861446,
  "snrd_wm": 75.93646488514875,
  "spacing_x": 1.0,
  "spacing_y": 1.0,
  "spacing_z": 1.0,
  "summary_bg_k": 43.720971251117454,
  "summary_bg_mad": 8.627274689764615,
  "summary_bg_mean": 10.285268783569336,
  "summary_bg_median": 5.973048686981201,
  "summary_bg_n": 171418.0,
  "summary_bg_p05": 0.0,
  "summary_bg_p95": 23.916805458068847,
  "summary_bg_stdv": 10.766352653503418,
  "summary_csf_k": 0.22308466937210758,
  "summary_csf_mad": 104.49546079543167,
  "summary_csf_mean": 250.06382751464844,
  "summary_csf_median": 237.89300537109375,
  "summary_csf_n": 10700.0,
  "summary_csf_p05": 120.09294204711914,
  "summary_csf_p95": 403.3379608154297,
  "summary_csf_stdv": 93.22159576416016,
  "summary_gm_k": 0.7333357556288504,
  "summary_gm_mad": 60.87501003619925,
  "summary_gm_mean": 650.1487426757812,
  "summary_gm_median": 643.9386596679688,
  "summary_gm_n": 19361.0,
  "summary_gm_p05": 554.4203491210938,
  "summary_gm_p95": 771.5620727539062,
  "summary_gm_stdv": 66.3812026977539,
  "summary_wm_k": 1.0803263137072747,
  "summary_wm_mad": 36.83819488147589,
  "summary_wm_mean": 998.4131469726562,
  "summary_wm_median": 999.9822387695312,
  "summary_wm_n": 159115.0,
  "summary_wm_p05": 920.9450378417969,
  "summary_wm_p95": 1068.7012817382813,
  "summary_wm_stdv": 43.980525970458984,
  "tpm_overlap_csf": 0.172847718000412,
  "tpm_overlap_gm": 0.4576776623725891,
  "tpm_overlap_wm": 0.5142630934715271,
  "wm2max": 0.7722692427699266
}