{
  "aor": 0.003260222222222222,
  "aqi": 0.004062289703703703,
  "bids_meta": {
    "AcquisitionNumber": 8,
    "BidsifyVersion": "0.3.5",
    "ConversionSoftware": "dcm2niix",
    "ConversionSoftwareVersion": "v1.0.20181125  GCC6.3.0",
    "EchoTime": 0.02763,
    "EffectiveEchoSpacing": 0.0006909035636805814,
    "FlipAngle": 76.1,
    "ImageComments": "PIOP2",
    "ImageOrientationPatientDICOM": [
      0.999766,
      0.0175488,
      -0.0126345,
      -0.0160547,
      0.993807,
      0.109951
    ],
    "Manufacturer": "Philips",
    "NumberOfVolumesDiscardedByScanner": 2,
    "ParallelAcquisitionTechnique": "SENSE",
    "ParallelReductionFactorInPlane": 2,
    "PatientPosition": "HFS",
    "PhaseEncodingDirection": "j",
    "PhilipsRescaleIntercept": 0,
    "PhilipsRescaleSlope": 0.75018,
    "PhilipsScaleSlope": 0.0571341,
    "ProtocolName": "WIPtask-harriri_boldSENSE",
    "PulseSequenceType": "gradient echo EPI",
    "ReconMatrixPE": 80,
    "RepetitionTime": 2,
    "SeriesDescription": "ImageMRSERIES",
    "SeriesNumber": 8,
    "SliceEncodingDirection": "k",
    "SliceTiming": [
      0.0,
      0.0556,
      0.1111,
      0.1667,
      0.2222,
      0.2778,
      0.3333,
      0.3889,
      0.4444,
      0.5,
      0.5556,
      0.6111,
      0.6667,
      0.7222,
      0.7778,
      0.8333,
      0.8889,
      0.9444,
      1.0,
      1.0556,
      1.1111,
      1.1667,
      1.2222,
      1.2778,
      1.3333,
      1.3889,
      1.4444,
      1.5,
      1.5556,
      1.6111,
      1.6667,
      1.7222,
      1.7778,
      1.8333,
      1.8889,
      1.9444
    ],
    "TaskName": "emomatching",
    "TotalReadoutTime": 0.026945238983542674,
    "UsePhilipsFloatNotDisplayScaling": 1,
    "WaterFatShift": 12,
    "acq_id": "seq",
    "dataset": "ds002790",
    "modality": "bold",
    "subject_id": "0151",
    "task_id": "emomatching"
  },
  "dummy_trs": 0,
  "dvars_nstd": 20.735294235373136,
  "dvars_std": 1.283132531268657,
  "dvars_vstd": 1.0212816509701492,
  "efc": 0.4295476105157269,
  "fber": 234143.0,
  "fd_mean": 0.15302828165077806,
  "fd_num": 21,
  "fd_perc": 15.555555555555555,
  "fwhm_avg": 2.0192499080832147,
  "fwhm_x": 1.97762,
  "fwhm_y": 2.1921933333333334,
  "fwhm_z": 1.8879363909163098,
  "gcor": 0.0333641,
  "gsr_x": -0.016138778999447823,
  "gsr_y": 0.012291190214455128,
  "provenance": {
    "md5sum": "deb762894aecfbc2de26b7789399aae8",
    "settings": {
      "fd_thres": 0.2,
      "testing": false
    },
    "software": "mriqc",
    "version": "22.0.0rc1",
    "webapi_port": null,
    "webapi_url": "https://mriqc.nimh.nih.gov/api/v1"
  },
  "size_t": 135,
  "size_x": 80,
  "size_y": 80,
  "size_z": 36,
  "snr": 5.829560017411689,
  "spacing_tr": 2.0,
  "spacing_x": 3.0,
  "spacing_y": 3.0,
  "spacing_z": 3.299999952316284,
  "summary_bg_k": 71.0683882551223,
  "summary_bg_mad": 58.67964809064181,
  "summary_bg_mean": 675.2999267578125,
  "summary_bg_median": 52.73329162597656,
  "summary_bg_n": 156475.0,
  "summary_bg_p05": 4.858139657974244,
  "summary_bg_p95": 3347.32834472656,
  "summary_bg_stdv": 2006.4842529296875,
  "summary_fg_k": 2.1109968240961603,
  "summary_fg_mad": 3957.6994811247578,
  "summary_fg_mean": 26271.416015625,
  "summary_fg_median": 25776.869140625,
  "summary_fg_n": 34495.0,
  "summary_fg_p05": 20188.023828125,
  "summary_fg_p95": 33710.9828125,
  "summary_fg_stdv": 4421.68798828125,
  "tsnr": 94.60147857666016
}