{
  "aor": 0.0029715789473684215,
  "aqi": 0.00406056850877193,
  "bids_meta": {
    "AcquisitionNumber": 7,
    "BidsifyVersion": "0.3.5",
    "ConversionSoftware": "dcm2niix",
    "ConversionSoftwareVersion": "v1.0.20181125  GCC6.3.0",
    "EchoTime": 0.02763,
    "EffectiveEchoSpacing": 0.0006909035636805814,
    "FlipAngle": 76.1,
    "ImageComments": "PIOP2",
    "ImageOrientationPatientDICOM": [
      0.999766,
      0.0175488,
      -0.0126345,
      -0.0160547,
      0.993807,
      0.109951
    ],
    "Manufacturer": "Philips",
    "NumberOfVolumesDiscardedByScanner": 2,
    "ParallelAcquisitionTechnique": "SENSE",
    "ParallelReductionFactorInPlane": 2,
    "PatientPosition": "HFS",
    "PhaseEncodingDirection": "j",
    "PhilipsRescaleIntercept": 0,
    "PhilipsRescaleSlope": 0.76459,
    "PhilipsScaleSlope": 0.0561833,
    "ProtocolName": "WIPtask-stop_boldSENSE",
    "PulseSequenceType": "gradient echo EPI",
    "ReconMatrixPE": 80,
    "RepetitionTime": 2,
    "SeriesDescription": "ImageMRSERIES",
    "SeriesNumber": 7,
    "SliceEncodingDirection": "k",
    "SliceTiming": [
      0.0,
      0.0556,
      0.1111,
      0.1667,
      0.2222,
      0.2778,
      0.3333,
      0.3889,
      0.4444,
      0.5,
      0.5556,
      0.6111,
      0.6667,
      0.7222,
      0.7778,
      0.8333,
      0.8889,
      0.9444,
      1.0,
      1.0556,
      1.1111,
      1.1667,
      1.2222,
      1.2778,
      1.3333,
      1.3889,
      1.4444,
      1.5,
      1.5556,
      1.6111,
      1.6667,
      1.7222,
      1.7778,
      1.8333,
      1.8889,
      1.9444
    ],
    "TaskName": "stopsignal",
    "TotalReadoutTime": 0.026945238983542674,
    "UsePhilipsFloatNotDisplayScaling": 1,
    "WaterFatShift": 12,
    "acq_id": "seq",
    "dataset": "ds002790",
    "modality": "bold",
    "subject_id": "0151",
    "task_id": "stopsignal"
  },
  "dummy_trs": 0,
  "dvars_nstd": 19.69095911132158,
  "dvars_std": 1.2528841648898683,
  "dvars_vstd": 1.0126914774008808,
  "efc": 0.42953451132818293,
  "fber": 238531.765625,
  "fd_mean": 0.1481967770258964,
  "fd_num": 38,
  "fd_perc": 16.666666666666668,
  "fwhm_avg": 2.031093544470408,
  "fwhm_x": 1.9863733333333335,
  "fwhm_y": 2.21408,
  "fwhm_z": 1.8928273000778908,
  "gcor": 0.027667,
  "gsr_x": -0.016191907227039337,
  "gsr_y": 0.012630168348550797,
  "provenance": {
    "md5sum": "5b5bdfa762597593137f00dd0bf8fadc",
    "settings": {
      "fd_thres": 0.2,
      "testing": false
    },
    "software": "mriqc",
    "version": "22.0.0rc1",
    "webapi_port": null,
    "webapi_url": "https://mriqc.nimh.nih.gov/api/v1"
  },
  "size_t": 228,
  "size_x": 80,
  "size_y": 80,
  "size_z": 36,
  "snr": 5.801289620329141,
  "spacing_tr": 2.0,
  "spacing_x": 3.0,
  "spacing_y": 3.0,
  "spacing_z": 3.299999952316284,
  "summary_bg_k": 72.78304911321084,
  "summary_bg_mad": 58.30881089862065,
  "summary_bg_mean": 679.2810668945312,
  "summary_bg_median": 52.69056701660156,
  "summary_bg_n": 156382.0,
  "summary_bg_p05": 5.180402660369873,
  "summary_bg_p95": 3397.9604003906193,
  "summary_bg_stdv": 2021.019287109375,
  "summary_fg_k": 2.0431604529367444,
  "summary_fg_mad": 4044.1435880152626,
  "summary_fg_mean": 26516.90625,
  "summary_fg_median": 26030.890625,
  "summary_fg_n": 34558.0,
  "summary_fg_p05": 20318.512597656252,
  "summary_fg_p95": 34072.5349609375,
  "summary_fg_stdv": 4487.02197265625,
  "tsnr": 95.1884536743164
}