{
  "aor": 0.0027440625,
  "aqi": 0.0036325190625000003,
  "bids_meta": {
    "AcquisitionNumber": 3,
    "BidsifyVersion": "0.3.5",
    "ConversionSoftware": "dcm2niix",
    "ConversionSoftwareVersion": "v1.0.20181125  GCC6.3.0",
    "EchoTime": 0.02763,
    "EffectiveEchoSpacing": 0.0006909035636805814,
    "FlipAngle": 76.1,
    "ImageComments": "PIOP2",
    "ImageOrientationPatientDICOM": [
      0.999766,
      0.0175488,
      -0.0126345,
      -0.0160547,
      0.993807,
      0.109951
    ],
    "Manufacturer": "Philips",
    "NumberOfVolumesDiscardedByScanner": 2,
    "ParallelAcquisitionTechnique": "SENSE",
    "ParallelReductionFactorInPlane": 2,
    "PatientPosition": "HFS",
    "PhaseEncodingDirection": "j",
    "PhilipsRescaleIntercept": 0,
    "PhilipsRescaleSlope": 0.76093,
    "PhilipsScaleSlope": 0.055419,
    "ProtocolName": "WIPtask-wm_boldSENSE",
    "PulseSequenceType": "gradient echo EPI",
    "ReconMatrixPE": 80,
    "RepetitionTime": 2,
    "SeriesDescription": "ImageMRSERIES",
    "SeriesNumber": 3,
    "SliceEncodingDirection": "k",
    "SliceTiming": [
      0.0,
      0.0556,
      0.1111,
      0.1667,
      0.2222,
      0.2778,
      0.3333,
      0.3889,
      0.4444,
      0.5,
      0.5556,
      0.6111,
      0.6667,
      0.7222,
      0.7778,
      0.8333,
      0.8889,
      0.9444,
      1.0,
      1.0556,
      1.1111,
      1.1667,
      1.2222,
      1.2778,
      1.3333,
      1.3889,
      1.4444,
      1.5,
      1.5556,
      1.6111,
      1.6667,
      1.7222,
      1.7778,
      1.8333,
      1.8889,
      1.9444
    ],
    "TaskName": "workingmemory",
    "TotalReadoutTime": 0.026945238983542674,
    "UsePhilipsFloatNotDisplayScaling": 1,
    "WaterFatShift": 12,
    "acq_id": "seq",
    "dataset": "ds002790",
    "modality": "bold",
    "subject_id": "0151",
    "task_id": "workingmemory"
  },
  "dummy_trs": 0,
  "dvars_nstd": 21.155144529811317,
  "dvars_std": 1.3239328526415106,
  "dvars_vstd": 1.0137088657861637,
  "efc": 0.4274868776375469,
  "fber": 242759.984375,
  "fd_mean": 0.12953781657129898,
  "fd_num": 23,
  "fd_perc": 14.375,
  "fwhm_avg": 2.0432232415604017,
  "fwhm_x": 1.9873833333333335,
  "fwhm_y": 2.224483333333333,
  "fwhm_z": 1.9178030580145382,
  "gcor": 0.0477825,
  "gsr_x": -0.015330661088228226,
  "gsr_y": 0.011763588525354862,
  "provenance": {
    "md5sum": "fc5fbfa2444b75e4a66da72330269898",
    "settings": {
      "fd_thres": 0.2,
      "testing": false
    },
    "software": "mriqc",
    "version": "22.0.0rc1",
    "webapi_port": null,
    "webapi_url": "https://mriqc.nimh.nih.gov/api/v1"
  },
  "size_t": 160,
  "size_x": 80,
  "size_y": 80,
  "size_z": 36,
  "snr": 5.70938427855775,
  "spacing_tr": 2.0,
  "spacing_x": 3.0,
  "spacing_y": 3.0,
  "spacing_z": 3.299999952316284,
  "summary_bg_k": 70.96040843386209,
  "summary_bg_mad": 58.3189479956032,
  "summary_bg_mean": 663.3158569335938,
  "summary_bg_median": 52.67510223388672,
  "summary_bg_n": 156472.0,
  "summary_bg_p05": 4.840130639076233,
  "summary_bg_p95": 3238.6554809570307,
  "summary_bg_stdv": 2002.091064453125,
  "summary_fg_k": 2.1203277242568763,
  "summary_fg_mad": 4122.352302895162,
  "summary_fg_mean": 26776.77734375,
  "summary_fg_median": 26266.091796875,
  "summary_fg_n": 34411.0,
  "summary_fg_p05": 20461.263671875,
  "summary_fg_p95": 34492.75,
  "summary_fg_stdv": 4600.4453125,
  "tsnr": 98.45259857177734
}