{
  "bids_meta": {
    "AcquisitionNumber": 2,
    "BidsifyVersion": "0.3.5",
    "ConversionSoftware": "dcm2niix",
    "ConversionSoftwareVersion": "v1.0.20181125  GCC6.3.0",
    "EchoTime": 0.00377,
    "ImageComments": "PIOP2",
    "ImageOrientationPatientDICOM": [
      0.998892,
      0.0408034,
      -0.0234442,
      -0.0425646,
      0.99586,
      -0.0803174
    ],
    "Manufacturer": "Philips",
    "NumberSignalAcquisitions": 2,
    "PatientPosition": "HFS",
    "PhilipsRescaleIntercept": 0,
    "PhilipsRescaleSlope": 8.77778,
    "PhilipsScaleSlope": 0.00707138,
    "ProtocolName": "WIPT1anat_acq-6m_T1wSENSE",
    "ReconMatrixPE": 240,
    "RepetitionTime": 0.00821,
    "SeriesDescription": "ImageMRSERIES",
    "SeriesNumber": 2,
    "UsePhilipsFloatNotDisplayScaling": 1,
    "dataset": "ds002790",
    "modality": "T1w",
    "subject_id": "0015"
  },
  "cjv": 0.2537766245901862,
  "cnr": 4.597742804133952,
  "efc": 0.7249212998395604,
  "fber": 1961.93994140625,
  "fwhm_avg": 4.496586845459153,
  "fwhm_x": 4.263900254148259,
  "fwhm_y": 4.49084,
  "fwhm_z": 4.735020282229201,
  "icvs_csf": 0.25583701597809444,
  "icvs_gm": 0.38770660080022024,
  "icvs_wm": 0.3564563832216853,
  "inu_med": 1.6551494598388672,
  "inu_range": 0.3292095541954041,
  "provenance": {
    "md5sum": "7029ff47953d21ac2d1aa3b6126eb98e",
    "settings": {
      "testing": false
    },
    "software": "mriqc",
    "version": "22.0.0rc1",
    "warnings": {
      "large_rot_frame": true,
      "small_air_mask": true
    },
    "webapi_port": null,
    "webapi_url": "https://mriqc.nimh.nih.gov/api/v1"
  },
  "qi_1": 0.0,
  "qi_2": 5.4606041103170704e-05,
  "rpve_csf": 24.211554895398297,
  "rpve_gm": 15.345743124454444,
  "rpve_wm": 22.058658293911027,
  "size_x": 240,
  "size_y": 240,
  "size_z": 220,
  "snr_csf": 2.203627968294955,
  "snr_gm": 10.411469367704939,
  "snr_total": 12.880578023857582,
  "snr_wm": 26.026636735572854,
  "snrd_csf": 25.935908119677837,
  "snrd_gm": 56.43418608864152,
  "snrd_total": 56.65515296386312,
  "snrd_wm": 87.59536468327,
  "spacing_x": 0.9999999403953552,
  "spacing_y": 1.0,
  "spacing_z": 0.9999999403953552,
  "summary_bg_k": 25.271188693160934,
  "summary_bg_mad": 7.479111483023865,
  "summary_bg_mean": 15.557587623596191,
  "summary_bg_median": 5.136496543884277,
  "summary_bg_n": 271432.0,
  "summary_bg_p05": 0.0,
  "summary_bg_p95": 64.78831253051744,
  "summary_bg_stdv": 26.102392196655273,
  "summary_csf_k": 74.56242630175939,
  "summary_csf_mad": 111.20550496845385,
  "summary_csf_mean": 288.9850158691406,
  "summary_csf_median": 296.0872802734375,
  "summary_csf_n": 15464.0,
  "summary_csf_p05": 109.919437789917,
  "summary_csf_p95": 432.69672546386715,
  "summary_csf_stdv": 134.3592071533203,
  "summary_gm_k": 0.7495201448662319,
  "summary_gm_mad": 56.9581584903676,
  "summary_gm_mean": 647.5860595703125,
  "summary_gm_median": 644.2590942382812,
  "summary_gm_n": 23544.0,
  "summary_gm_p05": 552.1049041748047,
  "summary_gm_p95": 754.6117034912107,
  "summary_gm_stdv": 61.87843322753906,
  "summary_wm_k": 1.3897165941980258,
  "summary_wm_mad": 33.32022703798633,
  "summary_wm_mean": 998.0072631835938,
  "summary_wm_median": 999.9986572265625,
  "summary_wm_n": 199796.0,
  "summary_wm_p05": 932.2388305664062,
  "summary_wm_p95": 1057.0335998535156,
  "summary_wm_stdv": 38.422027587890625,
  "tpm_overlap_csf": 0.16646112501621246,
  "tpm_overlap_gm": 0.43239691853523254,
  "tpm_overlap_wm": 0.5029324889183044,
  "wm2max": 0.8121937120555888
}