{
  "bids_meta": {
    "AcquisitionNumber": 2,
    "BidsifyVersion": "0.3.5",
    "ConversionSoftware": "dcm2niix",
    "ConversionSoftwareVersion": "v1.0.20181125  GCC6.3.0",
    "EchoTime": 0.00382,
    "ImageComments": "PIOP2",
    "ImageOrientationPatientDICOM": [
      0.997565,
      -0.0481056,
      0.0504913,
      0.0393688,
      0.986062,
      0.161653
    ],
    "Manufacturer": "Philips",
    "NumberSignalAcquisitions": 2,
    "PatientPosition": "HFS",
    "PhilipsRescaleIntercept": 0,
    "PhilipsRescaleSlope": 9.18437,
    "PhilipsScaleSlope": 0.00753594,
    "ProtocolName": "WIPT1anat_acq-6m_T1wSENSE",
    "ReconMatrixPE": 240,
    "RepetitionTime": 0.008322,
    "SeriesDescription": "ImageMRSERIES",
    "SeriesNumber": 2,
    "UsePhilipsFloatNotDisplayScaling": 1,
    "dataset": "ds002790",
    "modality": "T1w",
    "subject_id": "0022"
  },
  "cjv": 0.2684592865925014,
  "cnr": 4.406971896181773,
  "efc": 0.760096348552485,
  "fber": 1403.6300048828125,
  "fwhm_avg": 4.548773333333333,
  "fwhm_x": 4.25235,
  "fwhm_y": 4.64692,
  "fwhm_z": 4.74705,
  "icvs_csf": 0.2718186732609066,
  "icvs_gm": 0.36584501237352607,
  "icvs_wm": 0.3623363143655674,
  "inu_med": 2.6000020503997803,
  "inu_range": 0.5765459537506104,
  "provenance": {
    "md5sum": "6a88f762225eed5528fc5d714d89ff61",
    "settings": {
      "testing": false
    },
    "software": "mriqc",
    "version": "22.0.0rc1",
    "warnings": {
      "large_rot_frame": true,
      "small_air_mask": true
    },
    "webapi_port": null,
    "webapi_url": "https://mriqc.nimh.nih.gov/api/v1"
  },
  "qi_1": 0.0,
  "qi_2": 8.72412729603918e-05,
  "rpve_csf": 24.361294967099965,
  "rpve_gm": 16.642234914579664,
  "rpve_wm": 23.003222711819895,
  "size_x": 240,
  "size_y": 240,
  "size_z": 220,
  "snr_csf": 3.2992819067210464,
  "snr_gm": 8.911994183510759,
  "snr_total": 13.419445985221065,
  "snr_wm": 28.04706186543139,
  "snrd_csf": 24.093134637713526,
  "snrd_gm": 47.613638743141045,
  "snrd_total": 48.62221606044258,
  "snrd_wm": 74.15987480047318,
  "spacing_x": 1.0,
  "spacing_y": 1.0,
  "spacing_z": 1.0,
  "summary_bg_k": 1048.541736486354,
  "summary_bg_mad": 8.834026505563568,
  "summary_bg_mean": 9.667369842529297,
  "summary_bg_median": 6.158753871917725,
  "summary_bg_n": 137113.0,
  "summary_bg_p05": 0.0,
  "summary_bg_p95": 24.154115295410158,
  "summary_bg_stdv": 11.684370040893555,
  "summary_csf_k": 34.953191991279226,
  "summary_csf_mad": 80.20992020596466,
  "summary_csf_mean": 309.9765625,
  "summary_csf_median": 324.87799072265625,
  "summary_csf_n": 19764.0,
  "summary_csf_p05": 130.58692474365233,
  "summary_csf_p95": 430.3629486083984,
  "summary_csf_stdv": 98.46681213378906,
  "summary_gm_k": 0.8124482096625263,
  "summary_gm_mad": 64.93347977489964,
  "summary_gm_mean": 649.8441772460938,
  "summary_gm_median": 642.0344848632812,
  "summary_gm_n": 23142.0,
  "summary_gm_p05": 546.8428588867188,
  "summary_gm_p95": 782.5209167480468,
  "summary_gm_stdv": 72.0400619506836,
  "summary_wm_k": 1.4823078274285857,
  "summary_wm_mad": 31.163196454336543,
  "summary_wm_mean": 998.5377197265625,
  "summary_wm_median": 999.99072265625,
  "summary_wm_n": 208106.0,
  "summary_wm_p05": 937.3738403320312,
  "summary_wm_p95": 1053.7859802246094,
  "summary_wm_stdv": 35.6539421081543,
  "tpm_overlap_csf": 0.16444402933120728,
  "tpm_overlap_gm": 0.4312535226345062,
  "tpm_overlap_wm": 0.5235280990600586,
  "wm2max": 0.7354552250424141
}