{
  "bids_meta": {
    "AcquisitionNumber": 2,
    "BidsifyVersion": "0.3.5",
    "ConversionSoftware": "dcm2niix",
    "ConversionSoftwareVersion": "v1.0.20181125  GCC6.3.0",
    "EchoTime": 0.00373,
    "ImageComments": "PIOP2",
    "ImageOrientationPatientDICOM": [
      0.999612,
      0.00654247,
      -0.0270706,
      -0.00662978,
      0.999973,
      -0.00313665
    ],
    "Manufacturer": "Philips",
    "NumberSignalAcquisitions": 2,
    "PatientPosition": "HFS",
    "PhilipsRescaleIntercept": 0,
    "PhilipsRescaleSlope": 10.0884,
    "PhilipsScaleSlope": 0.00766023,
    "ProtocolName": "WIPT1anat_acq-6m_T1wSENSE",
    "ReconMatrixPE": 240,
    "RepetitionTime": 0.008168,
    "SeriesDescription": "ImageMRSERIES",
    "SeriesNumber": 2,
    "UsePhilipsFloatNotDisplayScaling": 1,
    "dataset": "ds002790",
    "modality": "T1w",
    "subject_id": "0092"
  },
  "cjv": 0.2824311174153859,
  "cnr": 4.234394685688247,
  "efc": 0.7334552948905748,
  "fber": 1205.0728759765625,
  "fwhm_avg": 4.581976666666667,
  "fwhm_x": 4.30441,
  "fwhm_y": 4.7698,
  "fwhm_z": 4.67172,
  "icvs_csf": 0.2901617358535093,
  "icvs_gm": 0.3643567201759485,
  "icvs_wm": 0.34548154397054226,
  "inu_med": 1.6044118404388428,
  "inu_range": 0.31254115104675284,
  "provenance": {
    "md5sum": "f058b3b4077dd7b9b5a7c99163299ed4",
    "settings": {
      "testing": false
    },
    "software": "mriqc",
    "version": "22.0.0rc1",
    "warnings": {
      "large_rot_frame": true,
      "small_air_mask": true
    },
    "webapi_port": null,
    "webapi_url": "https://mriqc.nimh.nih.gov/api/v1"
  },
  "qi_1": 0.002602659266573598,
  "qi_2": 6.834392166435239e-05,
  "rpve_csf": 24.57544838596704,
  "rpve_gm": 17.389497009936274,
  "rpve_wm": 24.985203144777422,
  "size_x": 240,
  "size_y": 240,
  "size_z": 220,
  "snr_csf": 3.0602084320681144,
  "snr_gm": 9.143953109414126,
  "snr_total": 12.382946958487992,
  "snr_wm": 24.944679333981732,
  "snrd_csf": 22.081795695102986,
  "snrd_gm": 47.19592535200267,
  "snrd_total": 47.47920703027378,
  "snrd_wm": 73.15990004371567,
  "spacing_x": 1.0,
  "spacing_y": 1.0,
  "spacing_z": 1.0,
  "summary_bg_k": 32.15517387960568,
  "summary_bg_mad": 8.954835335876929,
  "summary_bg_mean": 13.662683486938477,
  "summary_bg_median": 6.1537017822265625,
  "summary_bg_n": 297507.0,
  "summary_bg_p05": 0.0,
  "summary_bg_p95": 48.62156105041504,
  "summary_bg_stdv": 20.9857120513916,
  "summary_csf_k": -0.5388237515182412,
  "summary_csf_mad": 103.51593119097053,
  "summary_csf_mean": 289.97589111328125,
  "summary_csf_median": 301.8285217285156,
  "summary_csf_n": 17936.0,
  "summary_csf_p05": 112.04977989196777,
  "summary_csf_p95": 430.7422866821289,
  "summary_csf_stdv": 98.62730407714844,
  "summary_gm_k": 0.3688675913931645,
  "summary_gm_mad": 65.88159774025561,
  "summary_gm_mean": 652.6950073242188,
  "summary_gm_median": 645.10498046875,
  "summary_gm_n": 14607.0,
  "summary_gm_p05": 550.9846557617187,
  "summary_gm_p95": 781.732257080078,
  "summary_gm_stdv": 70.5474853515625,
  "summary_wm_k": 1.4658729705728168,
  "summary_wm_mad": 34.35114413847003,
  "summary_wm_mean": 997.8311767578125,
  "summary_wm_median": 999.9976806640625,
  "summary_wm_n": 179619.0,
  "summary_wm_p05": 927.1050476074219,
  "summary_wm_p95": 1058.1285888671875,
  "summary_wm_stdv": 40.088504791259766,
  "tpm_overlap_csf": 0.15694065392017365,
  "tpm_overlap_gm": 0.41388630867004395,
  "tpm_overlap_wm": 0.5104798674583435,
  "wm2max": 0.7928305376795727
}