{
  "aor": 0.006155812500000001,
  "aqi": 0.004637694625,
  "bids_meta": {
    "AcquisitionNumber": 3,
    "BidsifyVersion": "0.3.5",
    "ConversionSoftware": "dcm2niix",
    "ConversionSoftwareVersion": "v1.0.20181125  GCC6.3.0",
    "EchoTime": 0.02763,
    "EffectiveEchoSpacing": 0.0006909035636805814,
    "FlipAngle": 76.1,
    "ImageComments": "PIOP2",
    "ImageOrientationPatientDICOM": [
      0.998162,
      -0.03624,
      0.0485744,
      0.0475959,
      0.964933,
      -0.258147
    ],
    "Manufacturer": "Philips",
    "NumberOfVolumesDiscardedByScanner": 2,
    "ParallelAcquisitionTechnique": "SENSE",
    "ParallelReductionFactorInPlane": 2,
    "PatientPosition": "HFS",
    "PhaseEncodingDirection": "j",
    "PhilipsRescaleIntercept": 0,
    "PhilipsRescaleSlope": 0.79976,
    "PhilipsScaleSlope": 0.0526538,
    "ProtocolName": "WIPtask-wm_boldSENSE",
    "PulseSequenceType": "gradient echo EPI",
    "ReconMatrixPE": 80,
    "RepetitionTime": 2,
    "SeriesDescription": "ImageMRSERIES",
    "SeriesNumber": 3,
    "SliceEncodingDirection": "k",
    "SliceTiming": [
      0.0,
      0.0556,
      0.1111,
      0.1667,
      0.2222,
      0.2778,
      0.3333,
      0.3889,
      0.4444,
      0.5,
      0.5556,
      0.6111,
      0.6667,
      0.7222,
      0.7778,
      0.8333,
      0.8889,
      0.9444,
      1.0,
      1.0556,
      1.1111,
      1.1667,
      1.2222,
      1.2778,
      1.3333,
      1.3889,
      1.4444,
      1.5,
      1.5556,
      1.6111,
      1.6667,
      1.7222,
      1.7778,
      1.8333,
      1.8889,
      1.9444
    ],
    "TaskName": "workingmemory",
    "TotalReadoutTime": 0.026945238983542674,
    "UsePhilipsFloatNotDisplayScaling": 1,
    "WaterFatShift": 12,
    "acq_id": "seq",
    "dataset": "ds002790",
    "modality": "bold",
    "subject_id": "0097",
    "task_id": "workingmemory"
  },
  "dummy_trs": 0,
  "dvars_nstd": 20.80289434006289,
  "dvars_std": 1.2719412366666667,
  "dvars_vstd": 1.0278640216981132,
  "efc": 0.3945140393914982,
  "fber": 273771.09375,
  "fd_mean": 0.1809880216524787,
  "fd_num": 36,
  "fd_perc": 22.5,
  "fwhm_avg": 1.9653077866379582,
  "fwhm_x": 1.9062966666666668,
  "fwhm_y": 2.1500933333333334,
  "fwhm_z": 1.8395333599138746,
  "gcor": 0.0196698,
  "gsr_x": -0.014679484069347382,
  "gsr_y": 0.00888060498982668,
  "provenance": {
    "md5sum": "cb610e6232f70dd49026bffd7dc29e64",
    "settings": {
      "fd_thres": 0.2,
      "testing": false
    },
    "software": "mriqc",
    "version": "22.0.0rc1",
    "webapi_port": null,
    "webapi_url": "https://mriqc.nimh.nih.gov/api/v1"
  },
  "size_t": 160,
  "size_x": 80,
  "size_y": 80,
  "size_z": 36,
  "snr": 5.765200823819874,
  "spacing_tr": 2.0,
  "spacing_x": 3.0,
  "spacing_y": 3.0,
  "spacing_z": 3.299999952316284,
  "summary_bg_k": 56.58015427048502,
  "summary_bg_mad": 51.53127468467998,
  "summary_bg_mean": 465.658447265625,
  "summary_bg_median": 50.11943817138672,
  "summary_bg_n": 160719.0,
  "summary_bg_p05": 4.518563890457154,
  "summary_bg_p95": 2230.622119140626,
  "summary_bg_stdv": 1438.7333984375,
  "summary_fg_k": 1.5205959395541262,
  "summary_fg_mad": 4262.356862782911,
  "summary_fg_mean": 27201.703125,
  "summary_fg_median": 26675.53515625,
  "summary_fg_n": 30261.0,
  "summary_fg_p05": 20664.14453125,
  "summary_fg_p95": 35113.21875,
  "summary_fg_stdv": 4626.9150390625,
  "tsnr": 83.44230651855469
}