{
  "aor": 0.008308833333333333,
  "aqi": 0.0073398852916666665,
  "bids_meta": {
    "AcquisitionNumber": 4,
    "BidsifyVersion": "0.3.5",
    "ConversionSoftware": "dcm2niix",
    "ConversionSoftwareVersion": "v1.0.20181125  GCC6.3.0",
    "EchoTime": 0.02763,
    "EffectiveEchoSpacing": 0.0006909035636805814,
    "FlipAngle": 76.1,
    "ImageComments": "PIOP2",
    "ImageOrientationPatientDICOM": [
      0.998162,
      -0.03624,
      0.0485744,
      0.0475959,
      0.964933,
      -0.258147
    ],
    "Manufacturer": "Philips",
    "NumberOfVolumesDiscardedByScanner": 2,
    "ParallelAcquisitionTechnique": "SENSE",
    "ParallelReductionFactorInPlane": 2,
    "PatientPosition": "HFS",
    "PhaseEncodingDirection": "j",
    "PhilipsRescaleIntercept": 0,
    "PhilipsRescaleSlope": 0.77338,
    "PhilipsScaleSlope": 0.0538851,
    "ProtocolName": "WIPtask-rest_boldSENSE",
    "PulseSequenceType": "gradient echo EPI",
    "ReconMatrixPE": 80,
    "RepetitionTime": 2,
    "SeriesDescription": "ImageMRSERIES",
    "SeriesNumber": 4,
    "SliceEncodingDirection": "k",
    "SliceTiming": [
      0.0,
      0.0556,
      0.1111,
      0.1667,
      0.2222,
      0.2778,
      0.3333,
      0.3889,
      0.4444,
      0.5,
      0.5556,
      0.6111,
      0.6667,
      0.7222,
      0.7778,
      0.8333,
      0.8889,
      0.9444,
      1.0,
      1.0556,
      1.1111,
      1.1667,
      1.2222,
      1.2778,
      1.3333,
      1.3889,
      1.4444,
      1.5,
      1.5556,
      1.6111,
      1.6667,
      1.7222,
      1.7778,
      1.8333,
      1.8889,
      1.9444
    ],
    "TaskName": "restingstate",
    "TotalReadoutTime": 0.026945238983542674,
    "UsePhilipsFloatNotDisplayScaling": 1,
    "WaterFatShift": 12,
    "acq_id": "seq",
    "dataset": "ds002790",
    "modality": "bold",
    "subject_id": "0097",
    "task_id": "restingstate"
  },
  "dummy_trs": 0,
  "dvars_nstd": 20.196309891673636,
  "dvars_std": 1.2038152320920505,
  "dvars_vstd": 0.9794902672803345,
  "efc": 0.3946110887180817,
  "fber": 275221.375,
  "fd_mean": 0.17350464699935733,
  "fd_num": 66,
  "fd_perc": 27.5,
  "fwhm_avg": 1.9747535442255673,
  "fwhm_x": 1.9172666666666667,
  "fwhm_y": 2.165,
  "fwhm_z": 1.8419939660100353,
  "gcor": 0.014757,
  "gsr_x": -0.014849967323243618,
  "gsr_y": 0.010046353563666344,
  "provenance": {
    "md5sum": "7e144fdc688c08dcd338f1277a4610d6",
    "settings": {
      "fd_thres": 0.2,
      "testing": false
    },
    "software": "mriqc",
    "version": "22.0.0rc1",
    "webapi_port": null,
    "webapi_url": "https://mriqc.nimh.nih.gov/api/v1"
  },
  "size_t": 240,
  "size_x": 80,
  "size_y": 80,
  "size_z": 36,
  "snr": 5.797551633630293,
  "spacing_tr": 2.0,
  "spacing_x": 3.0,
  "spacing_y": 3.0,
  "spacing_z": 3.299999952316284,
  "summary_bg_k": 54.70920240382385,
  "summary_bg_mad": 51.2742827686603,
  "summary_bg_mean": 472.8697509765625,
  "summary_bg_median": 50.137916564941406,
  "summary_bg_n": 160848.0,
  "summary_bg_p05": 4.7733326911926275,
  "summary_bg_p95": 2281.8390747070307,
  "summary_bg_stdv": 1448.534912109375,
  "summary_fg_k": 1.5123273496792926,
  "summary_fg_mad": 4258.187044043363,
  "summary_fg_mean": 27295.15234375,
  "summary_fg_median": 26756.3984375,
  "summary_fg_n": 30208.0,
  "summary_fg_p05": 20821.08955078125,
  "summary_fg_p95": 35202.912109375,
  "summary_fg_stdv": 4615.0439453125,
  "tsnr": 72.8446044921875
}