{
  "aor": 0.0020031875,
  "aqi": 0.0030358561874999994,
  "bids_meta": {
    "AcquisitionNumber": 3,
    "BidsifyVersion": "0.3.5",
    "ConversionSoftware": "dcm2niix",
    "ConversionSoftwareVersion": "v1.0.20181125  GCC6.3.0",
    "EchoTime": 0.02763,
    "FlipAngle": 76.1,
    "ImageComments": "PIOP2",
    "ImageOrientationPatientDICOM": [
      0.999917,
      -0.00187775,
      -0.0127778,
      0,
      0.989374,
      -0.145392
    ],
    "Manufacturer": "Philips",
    "NumberOfVolumesDiscardedByScanner": 2,
    "ParallelAcquisitionTechnique": "SENSE",
    "ParallelReductionFactorInPlane": 2,
    "PatientPosition": "HFS",
    "PhaseEncodingDirection": "j",
    "PhilipsRescaleIntercept": 0,
    "PhilipsRescaleSlope": 0.84005,
    "PhilipsScaleSlope": 0.0485607,
    "ProtocolName": "WIPtask-wm_boldSENSE",
    "PulseSequenceType": "gradient echo EPI",
    "ReconMatrixPE": 80,
    "RepetitionTime": 2,
    "SeriesDescription": "ImageMRSERIES",
    "SeriesNumber": 3,
    "SliceEncodingDirection": "k",
    "TaskName": "workingmemory",
    "UsePhilipsFloatNotDisplayScaling": 1,
    "WaterFatShift": 12,
    "acq_id": "seq",
    "dataset": "ds002790",
    "modality": "bold",
    "subject_id": "0211",
    "task_id": "workingmemory"
  },
  "dummy_trs": 0,
  "dvars_nstd": 19.286769146855352,
  "dvars_std": 1.3175412711949688,
  "dvars_vstd": 0.9839954616352199,
  "efc": 0.4097519782451017,
  "fber": 226625.71875,
  "fd_mean": 0.07183389761934082,
  "fd_num": 3,
  "fd_perc": 1.875,
  "fwhm_avg": 2.0404332413807444,
  "fwhm_x": 1.9746566666666665,
  "fwhm_y": 2.26614,
  "fwhm_z": 1.8805030574755677,
  "gcor": 0.0612123,
  "gsr_x": -0.01815560646355152,
  "gsr_y": 0.012498225085437298,
  "provenance": {
    "md5sum": "fc982e8ca3341a8340b502752387a76a",
    "settings": {
      "fd_thres": 0.2,
      "testing": false
    },
    "software": "mriqc",
    "version": "23.0.1",
    "webapi_port": null,
    "webapi_url": "https://mriqc.nimh.nih.gov/api/v1"
  },
  "size_t": 160,
  "size_x": 80,
  "size_y": 80,
  "size_z": 36,
  "snr": 5.058828301357682,
  "spacing_tr": 2.0,
  "spacing_x": 3.0,
  "spacing_y": 3.0,
  "spacing_z": 3.299999952316284,
  "summary_bg_k": 81.79949482062851,
  "summary_bg_mad": 58.78896953069996,
  "summary_bg_mean": 597.5311279296875,
  "summary_bg_median": 57.96075439453125,
  "summary_bg_n": 158317.0,
  "summary_bg_p05": 5.450119113922119,
  "summary_bg_p95": 3183.6037109374975,
  "summary_bg_stdv": 1870.57373046875,
  "summary_fg_k": 1.5083848617495113,
  "summary_fg_mad": 5053.928901360647,
  "summary_fg_mean": 28711.912109375,
  "summary_fg_median": 28225.849609375,
  "summary_fg_n": 32388.0,
  "summary_fg_p05": 20490.9521484375,
  "summary_fg_p95": 38234.65332031249,
  "summary_fg_stdv": 5579.43701171875,
  "tsnr": 90.9061279296875
}