{
  "aor": 0.0027470416666666667,
  "aqi": 0.00336172675,
  "bids_meta": {
    "AcquisitionNumber": 4,
    "BidsifyVersion": "0.3.5",
    "ConversionSoftware": "dcm2niix",
    "ConversionSoftwareVersion": "v1.0.20181125  GCC6.3.0",
    "EchoTime": 0.02763,
    "FlipAngle": 76.1,
    "ImageComments": "PIOP2",
    "ImageOrientationPatientDICOM": [
      0.999917,
      -0.00187775,
      -0.0127778,
      0,
      0.989374,
      -0.145392
    ],
    "Manufacturer": "Philips",
    "NumberOfVolumesDiscardedByScanner": 2,
    "ParallelAcquisitionTechnique": "SENSE",
    "ParallelReductionFactorInPlane": 2,
    "PatientPosition": "HFS",
    "PhaseEncodingDirection": "j",
    "PhilipsRescaleIntercept": 0,
    "PhilipsRescaleSlope": 0.82979,
    "PhilipsScaleSlope": 0.0492048,
    "ProtocolName": "WIPtask-rest_boldSENSE",
    "PulseSequenceType": "gradient echo EPI",
    "ReconMatrixPE": 80,
    "RepetitionTime": 2,
    "SeriesDescription": "ImageMRSERIES",
    "SeriesNumber": 4,
    "SliceEncodingDirection": "k",
    "TaskName": "restingstate",
    "UsePhilipsFloatNotDisplayScaling": 1,
    "WaterFatShift": 12,
    "acq_id": "seq",
    "dataset": "ds002790",
    "modality": "bold",
    "subject_id": "0211",
    "task_id": "restingstate"
  },
  "dummy_trs": 0,
  "dvars_nstd": 20.888737830334716,
  "dvars_std": 1.3739616792050207,
  "dvars_vstd": 1.0022932128451885,
  "efc": 0.41079422869553267,
  "fber": 223306.625,
  "fd_mean": 0.08264101767424434,
  "fd_num": 10,
  "fd_perc": 4.166666666666667,
  "fwhm_avg": 2.0144858675715462,
  "fwhm_x": 1.9477433333333334,
  "fwhm_y": 2.2301233333333332,
  "fwhm_z": 1.8655909360479723,
  "gcor": 0.0329023,
  "gsr_x": -0.018407179042696953,
  "gsr_y": 0.013058550655841827,
  "provenance": {
    "md5sum": "75e30309f0095c32c256c79ddd073412",
    "settings": {
      "fd_thres": 0.2,
      "testing": false
    },
    "software": "mriqc",
    "version": "23.0.1",
    "webapi_port": null,
    "webapi_url": "https://mriqc.nimh.nih.gov/api/v1"
  },
  "size_t": 240,
  "size_x": 80,
  "size_y": 80,
  "size_z": 36,
  "snr": 5.12796444209466,
  "spacing_tr": 2.0,
  "spacing_x": 3.0,
  "spacing_y": 3.0,
  "spacing_z": 3.299999952316284,
  "summary_bg_k": 85.98151355799249,
  "summary_bg_mad": 58.9350641932035,
  "summary_bg_mean": 605.6740112304688,
  "summary_bg_median": 58.01286315917969,
  "summary_bg_n": 158292.0,
  "summary_bg_p05": 5.727836680412293,
  "summary_bg_p95": 3242.734033203125,
  "summary_bg_stdv": 1906.2939453125,
  "summary_fg_k": 1.606148616534755,
  "summary_fg_mad": 4904.543697162646,
  "summary_fg_mean": 28462.10546875,
  "summary_fg_median": 27984.439453125,
  "summary_fg_n": 32435.0,
  "summary_fg_p05": 20539.0140625,
  "summary_fg_p95": 37747.512109375,
  "summary_fg_stdv": 5457.1376953125,
  "tsnr": 91.94064331054688
}