{
  "bids_meta": {
    "AcquisitionNumber": 2,
    "BidsifyVersion": "0.3.5",
    "ConversionSoftware": "dcm2niix",
    "ConversionSoftwareVersion": "v1.0.20181125  GCC6.3.0",
    "EchoTime": 0.00381,
    "ImageComments": "PIOP2",
    "ImageOrientationPatientDICOM": [
      0.998662,
      0.0172205,
      -0.0487598,
      -0.0088895,
      0.986056,
      0.166177
    ],
    "Manufacturer": "Philips",
    "NumberSignalAcquisitions": 2,
    "PatientPosition": "HFS",
    "PhilipsRescaleIntercept": 0,
    "PhilipsRescaleSlope": 7.46276,
    "PhilipsScaleSlope": 0.00717162,
    "ProtocolName": "WIPT1anat_acq-6m_T1wSENSE",
    "ReconMatrixPE": 240,
    "RepetitionTime": 0.008309,
    "SeriesDescription": "ImageMRSERIES",
    "SeriesNumber": 2,
    "UsePhilipsFloatNotDisplayScaling": 1,
    "dataset": "ds002790",
    "modality": "T1w",
    "subject_id": "0009"
  },
  "cjv": 0.26435585413096924,
  "cnr": 4.570115723781226,
  "efc": 0.734795916693553,
  "fber": 766.3779296875,
  "fwhm_avg": 4.338159999999999,
  "fwhm_x": 4.01462,
  "fwhm_y": 4.56857,
  "fwhm_z": 4.43129,
  "icvs_csf": 0.300159728300294,
  "icvs_gm": 0.3536952608094256,
  "icvs_wm": 0.34614501089028044,
  "inu_med": 1.8706238269805908,
  "inu_range": 0.2812887132167816,
  "provenance": {
    "md5sum": "85832c6f05cda2b86f63142f8f157002",
    "settings": {
      "testing": false
    },
    "software": "mriqc",
    "version": "22.0.0rc1",
    "warnings": {
      "large_rot_frame": true,
      "small_air_mask": true
    },
    "webapi_port": null,
    "webapi_url": "https://mriqc.nimh.nih.gov/api/v1"
  },
  "qi_1": 0.0,
  "qi_2": 5.3764115077242497e-05,
  "rpve_csf": 27.792519081270523,
  "rpve_gm": 20.189330960429572,
  "rpve_wm": 28.413899233148864,
  "size_x": 240,
  "size_y": 240,
  "size_z": 220,
  "snr_csf": 3.738370867865528,
  "snr_gm": 9.821880472211728,
  "snr_total": 12.937720897446368,
  "snr_wm": 25.252911352261847,
  "snrd_csf": 28.134843281137893,
  "snrd_gm": 58.69246825032158,
  "snrd_total": 59.19901891814917,
  "snrd_wm": 90.76974522298804,
  "spacing_x": 1.0,
  "spacing_y": 1.0,
  "spacing_z": 1.0,
  "summary_bg_k": 408.98929902117044,
  "summary_bg_mad": 7.217518318959628,
  "summary_bg_mean": 9.280377388000488,
  "summary_bg_median": 9.847297668457031,
  "summary_bg_n": 155665.0,
  "summary_bg_p05": 0.0,
  "summary_bg_p95": 25.0135196685791,
  "summary_bg_stdv": 8.807464599609375,
  "summary_csf_k": 0.4036738453216153,
  "summary_csf_mad": 73.32302296221543,
  "summary_csf_mean": 295.9765625,
  "summary_csf_median": 309.9564514160156,
  "summary_csf_n": 15293.0,
  "summary_csf_p05": 134.12673645019532,
  "summary_csf_p95": 409.973291015625,
  "summary_csf_stdv": 82.90946197509766,
  "summary_gm_k": 1.0319817970049563,
  "summary_gm_mad": 59.52289563502062,
  "summary_gm_mean": 652.5818481445312,
  "summary_gm_median": 646.604248046875,
  "summary_gm_n": 14137.0,
  "summary_gm_p05": 557.8360107421875,
  "summary_gm_p95": 771.7528442382812,
  "summary_gm_stdv": 65.8307113647461,
  "summary_wm_k": 1.7739974411194535,
  "summary_wm_mad": 33.89769444871591,
  "summary_wm_mean": 997.9674072265625,
  "summary_wm_median": 999.9937744140625,
  "summary_wm_n": 148055.0,
  "summary_wm_p05": 927.682275390625,
  "summary_wm_p95": 1059.0449462890624,
  "summary_wm_stdv": 39.59901428222656,
  "tpm_overlap_csf": 0.14459457993507385,
  "tpm_overlap_gm": 0.3999372720718384,
  "tpm_overlap_wm": 0.49564388394355774,
  "wm2max": 0.7628245310352884
}