{
  "aor": 0.0018332500000000002,
  "aqi": 0.0028504713750000005,
  "bids_meta": {
    "AcquisitionNumber": 4,
    "BidsifyVersion": "0.3.5",
    "ConversionSoftware": "dcm2niix",
    "ConversionSoftwareVersion": "v1.0.20181125  GCC6.3.0",
    "EchoTime": 0.02763,
    "FlipAngle": 76.1,
    "ImageComments": "PIOP2",
    "ImageOrientationPatientDICOM": [
      0.998888,
      -0.0344522,
      -0.0321905,
      0.0383734,
      0.990715,
      0.130425
    ],
    "Manufacturer": "Philips",
    "NumberOfVolumesDiscardedByScanner": 2,
    "ParallelAcquisitionTechnique": "SENSE",
    "ParallelReductionFactorInPlane": 2,
    "PatientPosition": "HFS",
    "PhaseEncodingDirection": "j",
    "PhilipsRescaleIntercept": 0,
    "PhilipsRescaleSlope": 0.75995,
    "PhilipsScaleSlope": 0.0525777,
    "ProtocolName": "WIPtask-rest_boldSENSE",
    "PulseSequenceType": "gradient echo EPI",
    "ReconMatrixPE": 80,
    "RepetitionTime": 2,
    "SeriesDescription": "ImageMRSERIES",
    "SeriesNumber": 4,
    "SliceEncodingDirection": "k",
    "TaskName": "restingstate",
    "UsePhilipsFloatNotDisplayScaling": 1,
    "WaterFatShift": 12,
    "acq_id": "seq",
    "dataset": "ds002790",
    "modality": "bold",
    "subject_id": "0214",
    "task_id": "restingstate"
  },
  "dummy_trs": 0,
  "dvars_nstd": 15.30991571815899,
  "dvars_std": 1.1543649527615063,
  "dvars_vstd": 1.0107995438912125,
  "efc": 0.43941933125698573,
  "fber": 244573.765625,
  "fd_mean": 0.10610072822346403,
  "fd_num": 3,
  "fd_perc": 1.25,
  "fwhm_avg": 2.1531389995351,
  "fwhm_x": 2.034683333333333,
  "fwhm_y": 2.4241033333333335,
  "fwhm_z": 2.0006303319386327,
  "gcor": 0.020064,
  "gsr_x": -0.01290862075984478,
  "gsr_y": 0.008429627865552902,
  "provenance": {
    "md5sum": "dce636a27a86b08c03bc31880a92afb9",
    "settings": {
      "fd_thres": 0.2,
      "testing": false
    },
    "software": "mriqc",
    "version": "23.0.1",
    "webapi_port": null,
    "webapi_url": "https://mriqc.nimh.nih.gov/api/v1"
  },
  "size_t": 240,
  "size_x": 80,
  "size_y": 80,
  "size_z": 36,
  "snr": 5.8835857408580186,
  "spacing_tr": 2.0,
  "spacing_x": 3.0,
  "spacing_y": 3.0,
  "spacing_z": 3.299999952316284,
  "summary_bg_k": 55.741394401677034,
  "summary_bg_mad": 52.90087856505879,
  "summary_bg_mean": 446.4650573730469,
  "summary_bg_median": 48.76853942871094,
  "summary_bg_n": 150566.0,
  "summary_bg_p05": 3.4646069407463074,
  "summary_bg_p95": 2000.4873352050781,
  "summary_bg_stdv": 1438.4410400390625,
  "summary_fg_k": 2.437740666515471,
  "summary_fg_mad": 3952.4032321840414,
  "summary_fg_mean": 24991.17578125,
  "summary_fg_median": 24662.662109375,
  "summary_fg_n": 38922.0,
  "summary_fg_p05": 19108.61357421875,
  "summary_fg_p95": 31845.481640624996,
  "summary_fg_stdv": 4191.72021484375,
  "tsnr": 106.59337615966797
}