{
  "bids_meta": {
    "AcquisitionNumber": 2,
    "BidsifyVersion": "0.3.5",
    "ConversionSoftware": "dcm2niix",
    "ConversionSoftwareVersion": "v1.0.20181125  GCC6.3.0",
    "EchoTime": 0.00384,
    "ImageComments": "PIOP2",
    "ImageOrientationPatientDICOM": [
      0.996168,
      0.0808818,
      0.0332873,
      -0.0848763,
      0.985837,
      0.144643
    ],
    "Manufacturer": "Philips",
    "NumberSignalAcquisitions": 2,
    "PatientPosition": "HFS",
    "PhilipsRescaleIntercept": 0,
    "PhilipsRescaleSlope": 8.87399,
    "PhilipsScaleSlope": 0.00729408,
    "ProtocolName": "WIPT1anat_acq-6m_T1wSENSE",
    "ReconMatrixPE": 240,
    "RepetitionTime": 0.008322,
    "SeriesDescription": "ImageMRSERIES",
    "SeriesNumber": 2,
    "UsePhilipsFloatNotDisplayScaling": 1,
    "dataset": "ds002790",
    "modality": "T1w",
    "subject_id": "0123"
  },
  "cjv": 0.277892740160943,
  "cnr": 4.491361848071487,
  "efc": 0.7574892567819385,
  "fber": 2000.678955078125,
  "fwhm_avg": 4.6724966666666665,
  "fwhm_x": 4.31101,
  "fwhm_y": 4.73853,
  "fwhm_z": 4.96795,
  "icvs_csf": 0.2490662651073304,
  "icvs_gm": 0.3993215174521801,
  "icvs_wm": 0.35161221744048954,
  "inu_med": 1.857107400894165,
  "inu_range": 0.363194692134857,
  "provenance": {
    "md5sum": "d33b7d5b5929a02547705cdecdd12e3d",
    "settings": {
      "testing": false
    },
    "software": "mriqc",
    "version": "22.0.0rc1",
    "warnings": {
      "large_rot_frame": true,
      "small_air_mask": true
    },
    "webapi_port": null,
    "webapi_url": "https://mriqc.nimh.nih.gov/api/v1"
  },
  "qi_1": 0.0,
  "qi_2": 0.00010400793446495769,
  "rpve_csf": 26.875631966603077,
  "rpve_gm": 16.505561431935018,
  "rpve_wm": 23.81716370672275,
  "size_x": 240,
  "size_y": 240,
  "size_z": 220,
  "snr_csf": 3.1890963959381966,
  "snr_gm": 10.323042411265686,
  "snr_total": 12.924206795473713,
  "snr_wm": 25.260481579217256,
  "snrd_csf": 27.3540687332443,
  "snrd_gm": 56.76095008569167,
  "snrd_total": 56.70912206843536,
  "snrd_wm": 86.01234738637012,
  "spacing_x": 1.0,
  "spacing_y": 1.0,
  "spacing_z": 1.0,
  "summary_bg_k": 953.1132630512178,
  "summary_bg_mad": 7.616702479228874,
  "summary_bg_mean": 8.463850975036621,
  "summary_bg_median": 5.325488567352295,
  "summary_bg_n": 125317.0,
  "summary_bg_p05": 0.0,
  "summary_bg_p95": 20.9937442779541,
  "summary_bg_stdv": 8.937352180480957,
  "summary_csf_k": -0.1276382152130675,
  "summary_csf_mad": 96.65735758579507,
  "summary_csf_mean": 301.8088073730469,
  "summary_csf_median": 318.02203369140625,
  "summary_csf_n": 16324.0,
  "summary_csf_p05": 120.88486633300782,
  "summary_csf_p95": 441.64249877929683,
  "summary_csf_stdv": 99.71862030029297,
  "summary_gm_k": 0.5438036965075081,
  "summary_gm_mad": 59.160298766761834,
  "summary_gm_mean": 663.3488159179688,
  "summary_gm_median": 659.9103393554688,
  "summary_gm_n": 20516.0,
  "summary_gm_p05": 564.7100524902344,
  "summary_gm_p95": 775.5916748046875,
  "summary_gm_stdv": 63.92439651489258,
  "summary_wm_k": 0.9333595621548549,
  "summary_wm_mad": 35.34563866858335,
  "summary_wm_mean": 996.689453125,
  "summary_wm_median": 999.990966796875,
  "summary_wm_n": 179106.0,
  "summary_wm_p05": 923.8443908691406,
  "summary_wm_p95": 1055.4195861816406,
  "summary_wm_stdv": 39.587059020996094,
  "tpm_overlap_csf": 0.16148154437541962,
  "tpm_overlap_gm": 0.43779534101486206,
  "tpm_overlap_wm": 0.4981370270252228,
  "wm2max": 0.8047003394198541
}