{
  "aor": 0.0015444166666666666,
  "aqi": 0.00838915175,
  "bids_meta": {
    "AcquisitionNumber": 5,
    "BidsifyVersion": "0.3.5",
    "ConversionSoftware": "dcm2niix",
    "ConversionSoftwareVersion": "v1.0.20181125  GCC6.3.0",
    "EchoTime": 0.02763,
    "EffectiveEchoSpacing": 0.0006909035636805814,
    "FlipAngle": 76.1,
    "ImageComments": "PIOP2",
    "ImageOrientationPatientDICOM": [
      0.996586,
      0.0816691,
      0.0121134,
      -0.0794832,
      0.98873,
      -0.126871
    ],
    "Manufacturer": "Philips",
    "NumberOfVolumesDiscardedByScanner": 2,
    "ParallelAcquisitionTechnique": "SENSE",
    "ParallelReductionFactorInPlane": 2,
    "PatientPosition": "HFS",
    "PhaseEncodingDirection": "j",
    "PhilipsRescaleIntercept": 0,
    "PhilipsRescaleSlope": 0.77265,
    "PhilipsScaleSlope": 0.0555279,
    "ProtocolName": "WIPtask-rest_boldSENSE",
    "PulseSequenceType": "gradient echo EPI",
    "ReconMatrixPE": 80,
    "RepetitionTime": 2,
    "SeriesDescription": "ImageMRSERIES",
    "SeriesNumber": 5,
    "SliceEncodingDirection": "k",
    "SliceTiming": [
      0.0,
      0.0556,
      0.1111,
      0.1667,
      0.2222,
      0.2778,
      0.3333,
      0.3889,
      0.4444,
      0.5,
      0.5556,
      0.6111,
      0.6667,
      0.7222,
      0.7778,
      0.8333,
      0.8889,
      0.9444,
      1.0,
      1.0556,
      1.1111,
      1.1667,
      1.2222,
      1.2778,
      1.3333,
      1.3889,
      1.4444,
      1.5,
      1.5556,
      1.6111,
      1.6667,
      1.7222,
      1.7778,
      1.8333,
      1.8889,
      1.9444
    ],
    "TaskName": "restingstate",
    "TotalReadoutTime": 0.026945238983542674,
    "UsePhilipsFloatNotDisplayScaling": 1,
    "WaterFatShift": 12,
    "acq_id": "seq",
    "dataset": "ds002790",
    "modality": "bold",
    "subject_id": "0002",
    "task_id": "restingstate"
  },
  "dummy_trs": 0,
  "dvars_nstd": 16.730515683179917,
  "dvars_std": 1.0556997436820073,
  "dvars_vstd": 0.9263243694142265,
  "efc": 0.40369475739360683,
  "fber": 249631.421875,
  "fd_mean": 0.15665485244696628,
  "fd_num": 55,
  "fd_perc": 22.916666666666668,
  "fwhm_avg": 2.0268590997899536,
  "fwhm_x": 2.03486,
  "fwhm_y": 2.20189,
  "fwhm_z": 1.8438272993698597,
  "gcor": 0.0251977,
  "gsr_x": -0.012907671742141247,
  "gsr_y": 0.013912486843764782,
  "provenance": {
    "md5sum": "52f9a2586e9d85dafd83fdb44a792fe3",
    "settings": {
      "fd_thres": 0.2,
      "testing": false
    },
    "software": "mriqc",
    "version": "22.0.0rc1",
    "webapi_port": null,
    "webapi_url": "https://mriqc.nimh.nih.gov/api/v1"
  },
  "size_t": 240,
  "size_x": 80,
  "size_y": 80,
  "size_z": 36,
  "snr": 6.009675708284243,
  "spacing_tr": 2.0,
  "spacing_x": 3.0,
  "spacing_y": 3.0,
  "spacing_z": 3.299999952316284,
  "summary_bg_k": 61.208308348196425,
  "summary_bg_mad": 53.59371828501966,
  "summary_bg_mean": 505.803955078125,
  "summary_bg_median": 49.054954528808594,
  "summary_bg_n": 159907.0,
  "summary_bg_p05": 4.045756816864014,
  "summary_bg_p95": 2379.5498535156194,
  "summary_bg_stdv": 1534.9051513671875,
  "summary_fg_k": 1.5959016844147023,
  "summary_fg_mad": 3875.478763561773,
  "summary_fg_mean": 25051.904296875,
  "summary_fg_median": 24838.7109375,
  "summary_fg_n": 30717.0,
  "summary_fg_p05": 18708.47890625,
  "summary_fg_p95": 31662.998437499995,
  "summary_fg_stdv": 4133.052734375,
  "tsnr": 68.42154693603516
}