{
  "aor": 0.003084740740740741,
  "aqi": 0.003987099777777777,
  "bids_meta": {
    "AcquisitionNumber": 9,
    "BidsifyVersion": "0.3.5",
    "ConversionSoftware": "dcm2niix",
    "ConversionSoftwareVersion": "v1.0.20181125  GCC6.3.0",
    "EchoTime": 0.02763,
    "EffectiveEchoSpacing": 0.0006909035636805814,
    "FlipAngle": 76.1,
    "ImageComments": "PIOP2",
    "ImageOrientationPatientDICOM": [
      0.996586,
      0.0816691,
      0.0121134,
      -0.0794832,
      0.98873,
      -0.126871
    ],
    "Manufacturer": "Philips",
    "NumberOfVolumesDiscardedByScanner": 2,
    "ParallelAcquisitionTechnique": "SENSE",
    "ParallelReductionFactorInPlane": 2,
    "PatientPosition": "HFS",
    "PhaseEncodingDirection": "j",
    "PhilipsRescaleIntercept": 0,
    "PhilipsRescaleSlope": 0.76703,
    "PhilipsScaleSlope": 0.0557547,
    "ProtocolName": "WIPtask-harriri_boldSENSE",
    "PulseSequenceType": "gradient echo EPI",
    "ReconMatrixPE": 80,
    "RepetitionTime": 2,
    "SeriesDescription": "ImageMRSERIES",
    "SeriesNumber": 9,
    "SliceEncodingDirection": "k",
    "SliceTiming": [
      0.0,
      0.0556,
      0.1111,
      0.1667,
      0.2222,
      0.2778,
      0.3333,
      0.3889,
      0.4444,
      0.5,
      0.5556,
      0.6111,
      0.6667,
      0.7222,
      0.7778,
      0.8333,
      0.8889,
      0.9444,
      1.0,
      1.0556,
      1.1111,
      1.1667,
      1.2222,
      1.2778,
      1.3333,
      1.3889,
      1.4444,
      1.5,
      1.5556,
      1.6111,
      1.6667,
      1.7222,
      1.7778,
      1.8333,
      1.8889,
      1.9444
    ],
    "TaskName": "emomatching",
    "TotalReadoutTime": 0.026945238983542674,
    "UsePhilipsFloatNotDisplayScaling": 1,
    "WaterFatShift": 12,
    "acq_id": "seq",
    "dataset": "ds002790",
    "modality": "bold",
    "subject_id": "0002",
    "task_id": "emomatching"
  },
  "dummy_trs": 0,
  "dvars_nstd": 17.489371562985074,
  "dvars_std": 1.1791360321641793,
  "dvars_vstd": 1.0169704902238808,
  "efc": 0.40372227392593185,
  "fber": 250881.890625,
  "fd_mean": 0.14275161345890686,
  "fd_num": 28,
  "fd_perc": 20.74074074074074,
  "fwhm_avg": 2.0336642514011727,
  "fwhm_x": 2.02642,
  "fwhm_y": 2.2108,
  "fwhm_z": 1.8637727542035183,
  "gcor": 0.0440919,
  "gsr_x": -0.012964935973286629,
  "gsr_y": 0.0141002731397748,
  "provenance": {
    "md5sum": "33da64cca44142333c59802839e32b55",
    "settings": {
      "fd_thres": 0.2,
      "testing": false
    },
    "software": "mriqc",
    "version": "22.0.0rc1",
    "webapi_port": null,
    "webapi_url": "https://mriqc.nimh.nih.gov/api/v1"
  },
  "size_t": 135,
  "size_x": 80,
  "size_y": 80,
  "size_z": 36,
  "snr": 6.00659958516651,
  "spacing_tr": 2.0,
  "spacing_x": 3.0,
  "spacing_y": 3.0,
  "spacing_z": 3.299999952316284,
  "summary_bg_k": 58.00771978278255,
  "summary_bg_mad": 52.76555019378527,
  "summary_bg_mean": 501.9833679199219,
  "summary_bg_median": 48.454715728759766,
  "summary_bg_n": 159915.0,
  "summary_bg_p05": 3.859881567955017,
  "summary_bg_p95": 2377.428735351561,
  "summary_bg_stdv": 1504.288330078125,
  "summary_fg_k": 1.595210528086744,
  "summary_fg_mad": 3895.256445500041,
  "summary_fg_mean": 24870.68359375,
  "summary_fg_median": 24659.91015625,
  "summary_fg_n": 30661.0,
  "summary_fg_p05": 18548.9453125,
  "summary_fg_p95": 31440.513671875,
  "summary_fg_stdv": 4105.40234375,
  "tsnr": 88.8697280883789
}