{
  "aor": 0.0031055625,
  "aqi": 0.005491161625,
  "bids_meta": {
    "AcquisitionNumber": 3,
    "BidsifyVersion": "0.3.5",
    "ConversionSoftware": "dcm2niix",
    "ConversionSoftwareVersion": "v1.0.20181125  GCC6.3.0",
    "EchoTime": 0.02763,
    "EffectiveEchoSpacing": 0.0006909035636805814,
    "FlipAngle": 76.1,
    "ImageComments": "PIOP2",
    "ImageOrientationPatientDICOM": [
      0.999928,
      0.00922693,
      -0.00762945,
      -0.0102971,
      0.98789,
      -0.154812
    ],
    "Manufacturer": "Philips",
    "NumberOfVolumesDiscardedByScanner": 2,
    "ParallelAcquisitionTechnique": "SENSE",
    "ParallelReductionFactorInPlane": 2,
    "PatientPosition": "HFS",
    "PhaseEncodingDirection": "j",
    "PhilipsRescaleIntercept": 0,
    "PhilipsRescaleSlope": 0.78462,
    "PhilipsScaleSlope": 0.0644715,
    "ProtocolName": "WIPtask-wm_boldSENSE",
    "PulseSequenceType": "gradient echo EPI",
    "ReconMatrixPE": 80,
    "RepetitionTime": 2,
    "SeriesDescription": "ImageMRSERIES",
    "SeriesNumber": 3,
    "SliceEncodingDirection": "k",
    "SliceTiming": [
      0.0,
      0.0556,
      0.1111,
      0.1667,
      0.2222,
      0.2778,
      0.3333,
      0.3889,
      0.4444,
      0.5,
      0.5556,
      0.6111,
      0.6667,
      0.7222,
      0.7778,
      0.8333,
      0.8889,
      0.9444,
      1.0,
      1.0556,
      1.1111,
      1.1667,
      1.2222,
      1.2778,
      1.3333,
      1.3889,
      1.4444,
      1.5,
      1.5556,
      1.6111,
      1.6667,
      1.7222,
      1.7778,
      1.8333,
      1.8889,
      1.9444
    ],
    "TaskName": "workingmemory",
    "TotalReadoutTime": 0.026945238983542674,
    "UsePhilipsFloatNotDisplayScaling": 1,
    "WaterFatShift": 12,
    "acq_id": "seq",
    "dataset": "ds002790",
    "modality": "bold",
    "subject_id": "0036",
    "task_id": "workingmemory"
  },
  "dummy_trs": 0,
  "dvars_nstd": 21.15309457427674,
  "dvars_std": 1.3243346003773582,
  "dvars_vstd": 1.0077361088679242,
  "efc": 0.41401687598582654,
  "fber": 197848.4375,
  "fd_mean": 0.11363756738638423,
  "fd_num": 13,
  "fd_perc": 8.125,
  "fwhm_avg": 1.8985343518711648,
  "fwhm_x": 1.8920866666666667,
  "fwhm_y": 2.05188,
  "fwhm_z": 1.7516363889468278,
  "gcor": 0.0237799,
  "gsr_x": -0.019318237900733948,
  "gsr_y": 0.014200586825609207,
  "provenance": {
    "md5sum": "c6fb42066a8cd1f243f3d030088bbd36",
    "settings": {
      "fd_thres": 0.2,
      "testing": false
    },
    "software": "mriqc",
    "version": "22.0.0rc1",
    "webapi_port": null,
    "webapi_url": "https://mriqc.nimh.nih.gov/api/v1"
  },
  "size_t": 160,
  "size_x": 80,
  "size_y": 80,
  "size_z": 36,
  "snr": 6.177220621004144,
  "spacing_tr": 2.0,
  "spacing_x": 3.0,
  "spacing_y": 3.0,
  "spacing_z": 3.299999952316284,
  "summary_bg_k": 116.96796378957804,
  "summary_bg_mad": 48.02772740777456,
  "summary_bg_mean": 413.2510070800781,
  "summary_bg_median": 48.243228912353516,
  "summary_bg_n": 157629.0,
  "summary_bg_p05": 7.040591144561768,
  "summary_bg_p95": 1889.1145751953125,
  "summary_bg_stdv": 1185.032470703125,
  "summary_fg_k": 2.3691835744349223,
  "summary_fg_mad": 3257.6332460741437,
  "summary_fg_mean": 22172.474609375,
  "summary_fg_median": 21831.94140625,
  "summary_fg_n": 33367.0,
  "summary_fg_p05": 17276.32890625,
  "summary_fg_p95": 27882.8298828125,
  "summary_fg_stdv": 3534.213134765625,
  "tsnr": 84.16146850585938
}