{
  "aor": 0.0020248148148148152,
  "aqi": 0.004400876962962963,
  "bids_meta": {
    "AcquisitionNumber": 8,
    "BidsifyVersion": "0.3.5",
    "ConversionSoftware": "dcm2niix",
    "ConversionSoftwareVersion": "v1.0.20181125  GCC6.3.0",
    "EchoTime": 0.02763,
    "EffectiveEchoSpacing": 0.0006909035636805814,
    "FlipAngle": 76.1,
    "ImageComments": "PIOP2",
    "ImageOrientationPatientDICOM": [
      0.999928,
      0.00922693,
      -0.00762945,
      -0.0102971,
      0.98789,
      -0.154812
    ],
    "Manufacturer": "Philips",
    "NumberOfVolumesDiscardedByScanner": 2,
    "ParallelAcquisitionTechnique": "SENSE",
    "ParallelReductionFactorInPlane": 2,
    "PatientPosition": "HFS",
    "PhaseEncodingDirection": "j",
    "PhilipsRescaleIntercept": 0,
    "PhilipsRescaleSlope": 0.79292,
    "PhilipsScaleSlope": 0.0665952,
    "ProtocolName": "WIPtask-harriri_boldSENSE",
    "PulseSequenceType": "gradient echo EPI",
    "ReconMatrixPE": 80,
    "RepetitionTime": 2,
    "SeriesDescription": "ImageMRSERIES",
    "SeriesNumber": 8,
    "SliceEncodingDirection": "k",
    "SliceTiming": [
      0.0,
      0.0556,
      0.1111,
      0.1667,
      0.2222,
      0.2778,
      0.3333,
      0.3889,
      0.4444,
      0.5,
      0.5556,
      0.6111,
      0.6667,
      0.7222,
      0.7778,
      0.8333,
      0.8889,
      0.9444,
      1.0,
      1.0556,
      1.1111,
      1.1667,
      1.2222,
      1.2778,
      1.3333,
      1.3889,
      1.4444,
      1.5,
      1.5556,
      1.6111,
      1.6667,
      1.7222,
      1.7778,
      1.8333,
      1.8889,
      1.9444
    ],
    "TaskName": "emomatching",
    "TotalReadoutTime": 0.026945238983542674,
    "UsePhilipsFloatNotDisplayScaling": 1,
    "WaterFatShift": 12,
    "acq_id": "seq",
    "dataset": "ds002790",
    "modality": "bold",
    "subject_id": "0036",
    "task_id": "emomatching"
  },
  "dummy_trs": 0,
  "dvars_nstd": 18.36176511417911,
  "dvars_std": 1.2695672684328358,
  "dvars_vstd": 1.0178838521641793,
  "efc": 0.4150320218280691,
  "fber": 194975.0,
  "fd_mean": 0.08444002025398306,
  "fd_num": 2,
  "fd_perc": 1.4814814814814814,
  "fwhm_avg": 1.884345665007426,
  "fwhm_x": 1.86139,
  "fwhm_y": 2.0389833333333334,
  "fwhm_z": 1.7526636616889442,
  "gcor": 0.0340126,
  "gsr_x": -0.019531909376382828,
  "gsr_y": 0.016299117356538773,
  "provenance": {
    "md5sum": "56bd6d5ec86f9cde940793fd5b6ddeb9",
    "settings": {
      "fd_thres": 0.2,
      "testing": false
    },
    "software": "mriqc",
    "version": "22.0.0rc1",
    "webapi_port": null,
    "webapi_url": "https://mriqc.nimh.nih.gov/api/v1"
  },
  "size_t": 135,
  "size_x": 80,
  "size_y": 80,
  "size_z": 36,
  "snr": 6.284668781770125,
  "spacing_tr": 2.0,
  "spacing_x": 3.0,
  "spacing_y": 3.0,
  "spacing_z": 3.299999952316284,
  "summary_bg_k": 133.14741938209283,
  "summary_bg_mad": 46.53248333361361,
  "summary_bg_mean": 410.5681457519531,
  "summary_bg_median": 47.49673080444336,
  "summary_bg_n": 157483.0,
  "summary_bg_p05": 7.103714323043824,
  "summary_bg_p95": 1874.451196289062,
  "summary_bg_stdv": 1167.8387451171875,
  "summary_fg_k": 2.532347863508111,
  "summary_fg_mad": 3118.511876961091,
  "summary_fg_mean": 21786.2265625,
  "summary_fg_median": 21461.298828125,
  "summary_fg_n": 33425.0,
  "summary_fg_p05": 17075.419140625,
  "summary_fg_p95": 27306.618359375,
  "summary_fg_stdv": 3414.814453125,
  "tsnr": 95.82350158691406
}