{
  "bids_meta": {
    "AcquisitionNumber": 2,
    "BidsifyVersion": "0.3.5",
    "ConversionSoftware": "dcm2niix",
    "ConversionSoftwareVersion": "v1.0.20181125  GCC6.3.0",
    "EchoTime": 0.00373,
    "ImageComments": "PIOP2",
    "ImageOrientationPatientDICOM": [
      0.999851,
      0.0046346,
      0.016652,
      -0.00488623,
      0.999874,
      0.0151026
    ],
    "Manufacturer": "Philips",
    "NumberSignalAcquisitions": 2,
    "PatientPosition": "HFS",
    "PhilipsRescaleIntercept": 0,
    "PhilipsRescaleSlope": 9.02051,
    "PhilipsScaleSlope": 0.00744718,
    "ProtocolName": "WIPT1anat_acq-6m_T1wSENSE",
    "ReconMatrixPE": 240,
    "RepetitionTime": 0.00816,
    "SeriesDescription": "ImageMRSERIES",
    "SeriesNumber": 2,
    "UsePhilipsFloatNotDisplayScaling": 1,
    "dataset": "ds002790",
    "modality": "T1w",
    "subject_id": "0179"
  },
  "cjv": 0.2812938720085456,
  "cnr": 4.413451927917023,
  "efc": 0.7462734502219601,
  "fber": 1251.539306640625,
  "fwhm_avg": 4.489666666666667,
  "fwhm_x": 4.30551,
  "fwhm_y": 4.48436,
  "fwhm_z": 4.67913,
  "icvs_csf": 0.24815725588390342,
  "icvs_gm": 0.38299718765124274,
  "icvs_wm": 0.36884555646485384,
  "inu_med": 1.1013009548187256,
  "inu_range": 0.25714388489723206,
  "provenance": {
    "md5sum": "ec4dd22d13422e1c928a43ac6ea56752",
    "settings": {
      "testing": false
    },
    "software": "mriqc",
    "version": "22.0.0rc1",
    "warnings": {
      "large_rot_frame": true,
      "small_air_mask": true
    },
    "webapi_port": null,
    "webapi_url": "https://mriqc.nimh.nih.gov/api/v1"
  },
  "qi_1": 0.0,
  "qi_2": 5.958251966268951e-05,
  "rpve_csf": 28.396153507196072,
  "rpve_gm": 17.622835766217662,
  "rpve_wm": 24.607559721802236,
  "size_x": 240,
  "size_y": 240,
  "size_z": 220,
  "snr_csf": 2.1793519153068,
  "snr_gm": 9.433022290251095,
  "snr_total": 13.293325960774402,
  "snr_wm": 28.267603676765308,
  "snrd_csf": 16.949549239160266,
  "snrd_gm": 44.71940893284516,
  "snrd_total": 43.41712694383464,
  "snrd_wm": 68.58242265949849,
  "spacing_x": 1.0,
  "spacing_y": 1.0,
  "spacing_z": 1.0,
  "summary_bg_k": 48.78695239336457,
  "summary_bg_mad": 9.552457817840494,
  "summary_bg_mean": 11.211359977722168,
  "summary_bg_median": 6.583771705627441,
  "summary_bg_n": 174844.0,
  "summary_bg_p05": 0.0,
  "summary_bg_p95": 32.24737319946289,
  "summary_bg_stdv": 13.636802673339844,
  "summary_csf_k": -1.0095781650515492,
  "summary_csf_mad": 149.18141878564242,
  "summary_csf_mean": 246.37351989746094,
  "summary_csf_median": 247.13916015625,
  "summary_csf_n": 9383.0,
  "summary_csf_p05": 83.17319259643554,
  "summary_csf_p95": 420.96022949218747,
  "summary_csf_stdv": 113.39425659179688,
  "summary_gm_k": 0.11288505640447699,
  "summary_gm_mad": 68.43018226674437,
  "summary_gm_mean": 655.4505615234375,
  "summary_gm_median": 652.0478515625,
  "summary_gm_n": 18984.0,
  "summary_gm_p05": 548.893359375,
  "summary_gm_p95": 774.048614501953,
  "summary_gm_stdv": 69.12213897705078,
  "summary_wm_k": 1.8985184422649697,
  "summary_wm_mad": 29.44418686914113,
  "summary_wm_mean": 999.4723510742188,
  "summary_wm_median": 999.9913330078125,
  "summary_wm_n": 189430.0,
  "summary_wm_p05": 941.4658172607421,
  "summary_wm_p95": 1055.7041381835938,
  "summary_wm_stdv": 35.37578582763672,
  "tpm_overlap_csf": 0.17213985323905945,
  "tpm_overlap_gm": 0.4327550530433655,
  "tpm_overlap_wm": 0.5098593831062317,
  "wm2max": 0.7262698635019813
}