{
  "aor": 0.0036880740740740745,
  "aqi": 0.0032065365185185188,
  "bids_meta": {
    "AcquisitionNumber": 8,
    "BidsifyVersion": "0.3.5",
    "ConversionSoftware": "dcm2niix",
    "ConversionSoftwareVersion": "v1.0.20181125  GCC6.3.0",
    "EchoTime": 0.02763,
    "EffectiveEchoSpacing": 0.0006909035636805814,
    "FlipAngle": 76.1,
    "ImageComments": "PIOP2",
    "ImageOrientationPatientDICOM": [
      0.998951,
      0.0379815,
      -0.0255938,
      -0.035757,
      0.995959,
      0.0823849
    ],
    "Manufacturer": "Philips",
    "NumberOfVolumesDiscardedByScanner": 2,
    "ParallelAcquisitionTechnique": "SENSE",
    "ParallelReductionFactorInPlane": 2,
    "PatientPosition": "HFS",
    "PhaseEncodingDirection": "j",
    "PhilipsRescaleIntercept": 0,
    "PhilipsRescaleSlope": 0.75556,
    "PhilipsScaleSlope": 0.0604518,
    "ProtocolName": "WIPtask-harriri_boldSENSE",
    "PulseSequenceType": "gradient echo EPI",
    "ReconMatrixPE": 80,
    "RepetitionTime": 2,
    "SeriesDescription": "ImageMRSERIES",
    "SeriesNumber": 8,
    "SliceEncodingDirection": "k",
    "SliceTiming": [
      0.0,
      0.0556,
      0.1111,
      0.1667,
      0.2222,
      0.2778,
      0.3333,
      0.3889,
      0.4444,
      0.5,
      0.5556,
      0.6111,
      0.6667,
      0.7222,
      0.7778,
      0.8333,
      0.8889,
      0.9444,
      1.0,
      1.0556,
      1.1111,
      1.1667,
      1.2222,
      1.2778,
      1.3333,
      1.3889,
      1.4444,
      1.5,
      1.5556,
      1.6111,
      1.6667,
      1.7222,
      1.7778,
      1.8333,
      1.8889,
      1.9444
    ],
    "TaskName": "emomatching",
    "TotalReadoutTime": 0.026945238983542674,
    "UsePhilipsFloatNotDisplayScaling": 1,
    "WaterFatShift": 12,
    "acq_id": "seq",
    "dataset": "ds002790",
    "modality": "bold",
    "subject_id": "0051",
    "task_id": "emomatching"
  },
  "dummy_trs": 0,
  "dvars_nstd": 17.300533116865672,
  "dvars_std": 1.2412776310447755,
  "dvars_vstd": 1.0368120494029849,
  "efc": 0.44673283834029004,
  "fber": 200573.109375,
  "fd_mean": 0.14461484457214654,
  "fd_num": 25,
  "fd_perc": 18.51851851851852,
  "fwhm_avg": 2.0345091000457116,
  "fwhm_x": 1.9422633333333332,
  "fwhm_y": 2.2643366666666664,
  "fwhm_z": 1.896927300137134,
  "gcor": 0.0240794,
  "gsr_x": -0.018736498430371284,
  "gsr_y": 0.027302954345941544,
  "provenance": {
    "md5sum": "465793680f2498c3d6c394f38274d8f5",
    "settings": {
      "fd_thres": 0.2,
      "testing": false
    },
    "software": "mriqc",
    "version": "22.0.0rc1",
    "webapi_port": null,
    "webapi_url": "https://mriqc.nimh.nih.gov/api/v1"
  },
  "size_t": 135,
  "size_x": 80,
  "size_y": 80,
  "size_z": 36,
  "snr": 5.944993301942434,
  "spacing_tr": 2.0,
  "spacing_x": 3.0,
  "spacing_y": 3.0,
  "spacing_z": 3.299999952316284,
  "summary_bg_k": 88.22068137463675,
  "summary_bg_mad": 55.00408829695589,
  "summary_bg_mean": 531.3607177734375,
  "summary_bg_median": 51.69980239868164,
  "summary_bg_n": 150324.0,
  "summary_bg_p05": 5.212494802474976,
  "summary_bg_p95": 2442.389733886719,
  "summary_bg_stdv": 1606.155517578125,
  "summary_fg_k": 2.3529678967472565,
  "summary_fg_mad": 3467.208625494522,
  "summary_fg_mean": 24263.423828125,
  "summary_fg_median": 23797.494140625,
  "summary_fg_n": 39108.0,
  "summary_fg_p05": 18852.1107421875,
  "summary_fg_p95": 31191.62001953125,
  "summary_fg_stdv": 4002.89599609375,
  "tsnr": 104.13143920898438
}