{
  "aor": 0.0017083856502242154,
  "aqi": 0.003679696457399103,
  "bids_meta": {
    "AcquisitionNumber": 7,
    "BidsifyVersion": "0.3.5",
    "ConversionSoftware": "dcm2niix",
    "ConversionSoftwareVersion": "v1.0.20181125  GCC6.3.0",
    "EchoTime": 0.02763,
    "EffectiveEchoSpacing": 0.0006909035636805814,
    "FlipAngle": 76.1,
    "ImageComments": "PIOP2",
    "ImageOrientationPatientDICOM": [
      0.998951,
      0.0379815,
      -0.0255938,
      -0.035757,
      0.995959,
      0.0823849
    ],
    "Manufacturer": "Philips",
    "NumberOfVolumesDiscardedByScanner": 2,
    "ParallelAcquisitionTechnique": "SENSE",
    "ParallelReductionFactorInPlane": 2,
    "PatientPosition": "HFS",
    "PhaseEncodingDirection": "j",
    "PhilipsRescaleIntercept": 0,
    "PhilipsRescaleSlope": 0.7939,
    "PhilipsScaleSlope": 0.0587603,
    "ProtocolName": "WIPtask-stop_boldSENSE",
    "PulseSequenceType": "gradient echo EPI",
    "ReconMatrixPE": 80,
    "RepetitionTime": 2,
    "SeriesDescription": "ImageMRSERIES",
    "SeriesNumber": 7,
    "SliceEncodingDirection": "k",
    "SliceTiming": [
      0.0,
      0.0556,
      0.1111,
      0.1667,
      0.2222,
      0.2778,
      0.3333,
      0.3889,
      0.4444,
      0.5,
      0.5556,
      0.6111,
      0.6667,
      0.7222,
      0.7778,
      0.8333,
      0.8889,
      0.9444,
      1.0,
      1.0556,
      1.1111,
      1.1667,
      1.2222,
      1.2778,
      1.3333,
      1.3889,
      1.4444,
      1.5,
      1.5556,
      1.6111,
      1.6667,
      1.7222,
      1.7778,
      1.8333,
      1.8889,
      1.9444
    ],
    "TaskName": "stopsignal",
    "TotalReadoutTime": 0.026945238983542674,
    "UsePhilipsFloatNotDisplayScaling": 1,
    "WaterFatShift": 12,
    "acq_id": "seq",
    "dataset": "ds002790",
    "modality": "bold",
    "subject_id": "0051",
    "task_id": "stopsignal"
  },
  "dummy_trs": 0,
  "dvars_nstd": 17.91620473184685,
  "dvars_std": 1.1997928172972974,
  "dvars_vstd": 1.0014329815315313,
  "efc": 0.4453505445150939,
  "fber": 188446.515625,
  "fd_mean": 0.17607656710949304,
  "fd_num": 85,
  "fd_perc": 38.11659192825112,
  "fwhm_avg": 2.0469714233529976,
  "fwhm_x": 1.96066,
  "fwhm_y": 2.2677633333333334,
  "fwhm_z": 1.9124909367256588,
  "gcor": 0.024638,
  "gsr_x": -0.018381964415311813,
  "gsr_y": 0.026699548587203026,
  "provenance": {
    "md5sum": "67d650b40db076af66d3db21c9d47286",
    "settings": {
      "fd_thres": 0.2,
      "testing": false
    },
    "software": "mriqc",
    "version": "22.0.0rc1",
    "webapi_port": null,
    "webapi_url": "https://mriqc.nimh.nih.gov/api/v1"
  },
  "size_t": 223,
  "size_x": 80,
  "size_y": 80,
  "size_z": 36,
  "snr": 5.9544701933602555,
  "spacing_tr": 2.0,
  "spacing_x": 3.0,
  "spacing_y": 3.0,
  "spacing_z": 3.299999952316284,
  "summary_bg_k": 88.36224165241599,
  "summary_bg_mad": 59.229837456384175,
  "summary_bg_mean": 532.4658203125,
  "summary_bg_median": 53.93214416503906,
  "summary_bg_n": 150596.0,
  "summary_bg_p05": 4.669636368751526,
  "summary_bg_p95": 2435.7269287109375,
  "summary_bg_stdv": 1604.9898681640625,
  "summary_fg_k": 2.1883040005661645,
  "summary_fg_mad": 3505.0975097289684,
  "summary_fg_mean": 24582.158203125,
  "summary_fg_median": 24108.984375,
  "summary_fg_n": 38884.0,
  "summary_fg_p05": 19062.12236328125,
  "summary_fg_p95": 31631.733691406247,
  "summary_fg_stdv": 4048.836181640625,
  "tsnr": 100.18342590332031
}