{
  "aor": 0.004185312500000001,
  "aqi": 0.0036048493125000005,
  "bids_meta": {
    "AcquisitionNumber": 3,
    "BidsifyVersion": "0.3.5",
    "ConversionSoftware": "dcm2niix",
    "ConversionSoftwareVersion": "v1.0.20181125  GCC6.3.0",
    "EchoTime": 0.02763,
    "EffectiveEchoSpacing": 0.0006909035636805814,
    "FlipAngle": 76.1,
    "ImageComments": "PIOP2",
    "ImageOrientationPatientDICOM": [
      0.998929,
      -0.0380377,
      -0.0263336,
      0.0359308,
      0.996436,
      -0.0763227
    ],
    "Manufacturer": "Philips",
    "NumberOfVolumesDiscardedByScanner": 2,
    "ParallelAcquisitionTechnique": "SENSE",
    "ParallelReductionFactorInPlane": 2,
    "PatientPosition": "HFS",
    "PhaseEncodingDirection": "j",
    "PhilipsRescaleIntercept": 0,
    "PhilipsRescaleSlope": 0.75849,
    "PhilipsScaleSlope": 0.0577132,
    "ProtocolName": "WIPtask-wm_boldSENSE",
    "PulseSequenceType": "gradient echo EPI",
    "ReconMatrixPE": 80,
    "RepetitionTime": 2,
    "SeriesDescription": "ImageMRSERIES",
    "SeriesNumber": 3,
    "SliceEncodingDirection": "k",
    "SliceTiming": [
      0.0,
      0.0556,
      0.1111,
      0.1667,
      0.2222,
      0.2778,
      0.3333,
      0.3889,
      0.4444,
      0.5,
      0.5556,
      0.6111,
      0.6667,
      0.7222,
      0.7778,
      0.8333,
      0.8889,
      0.9444,
      1.0,
      1.0556,
      1.1111,
      1.1667,
      1.2222,
      1.2778,
      1.3333,
      1.3889,
      1.4444,
      1.5,
      1.5556,
      1.6111,
      1.6667,
      1.7222,
      1.7778,
      1.8333,
      1.8889,
      1.9444
    ],
    "TaskName": "workingmemory",
    "TotalReadoutTime": 0.026945238983542674,
    "UsePhilipsFloatNotDisplayScaling": 1,
    "WaterFatShift": 12,
    "acq_id": "seq",
    "dataset": "ds002790",
    "modality": "bold",
    "subject_id": "0116",
    "task_id": "workingmemory"
  },
  "dummy_trs": 0,
  "dvars_nstd": 25.513578151132073,
  "dvars_std": 1.4456182060377358,
  "dvars_vstd": 1.034953195723271,
  "efc": 0.39927493498510586,
  "fber": 281671.28125,
  "fd_mean": 0.13579268659083457,
  "fd_num": 19,
  "fd_perc": 11.875,
  "fwhm_avg": 1.9348596048768305,
  "fwhm_x": 1.8463266666666664,
  "fwhm_y": 2.106873333333333,
  "fwhm_z": 1.8513788146304913,
  "gcor": 0.0407133,
  "gsr_x": -0.024065639823675156,
  "gsr_y": 0.017381256446242332,
  "provenance": {
    "md5sum": "c56bb92ac4a4836ca33e99a84e859221",
    "settings": {
      "fd_thres": 0.2,
      "testing": false
    },
    "software": "mriqc",
    "version": "22.0.0rc1",
    "webapi_port": null,
    "webapi_url": "https://mriqc.nimh.nih.gov/api/v1"
  },
  "size_t": 160,
  "size_x": 80,
  "size_y": 80,
  "size_z": 36,
  "snr": 5.699399460590059,
  "spacing_tr": 2.0,
  "spacing_x": 3.0,
  "spacing_y": 3.0,
  "spacing_z": 3.299999952316284,
  "summary_bg_k": 145.97562422093372,
  "summary_bg_mad": 53.02782027188541,
  "summary_bg_mean": 447.95721435546875,
  "summary_bg_median": 49.454132080078125,
  "summary_bg_n": 158936.0,
  "summary_bg_p05": 3.1023069620132446,
  "summary_bg_p95": 2156.239501953125,
  "summary_bg_stdv": 1444.32373046875,
  "summary_fg_k": 0.8660069198577127,
  "summary_fg_mad": 4600.100597856386,
  "summary_fg_mean": 27735.935546875,
  "summary_fg_median": 27356.134765625,
  "summary_fg_n": 31527.0,
  "summary_fg_p05": 20655.598046875002,
  "summary_fg_p95": 35836.667578124994,
  "summary_fg_stdv": 4799.75146484375,
  "tsnr": 97.64691162109375
}