{
  "aor": 0.0021983124999999997,
  "aqi": 0.00338580275,
  "bids_meta": {
    "AcquisitionNumber": 4,
    "BidsifyVersion": "0.3.5",
    "ConversionSoftware": "dcm2niix",
    "ConversionSoftwareVersion": "v1.0.20181125  GCC6.3.0",
    "EchoTime": 0.02763,
    "FlipAngle": 76.1,
    "ImageComments": "PIOP2",
    "ImageOrientationPatientDICOM": [
      0.996114,
      0.0790471,
      -0.038828,
      -0.0803204,
      0.996242,
      -0.0324069
    ],
    "Manufacturer": "Philips",
    "NumberOfVolumesDiscardedByScanner": 2,
    "ParallelAcquisitionTechnique": "SENSE",
    "ParallelReductionFactorInPlane": 2,
    "PatientPosition": "HFS",
    "PhaseEncodingDirection": "j",
    "PhilipsRescaleIntercept": 0,
    "PhilipsRescaleSlope": 0.74579,
    "PhilipsScaleSlope": 0.0474307,
    "ProtocolName": "WIPtask-wm_boldSENSE",
    "PulseSequenceType": "gradient echo EPI",
    "ReconMatrixPE": 80,
    "RepetitionTime": 2,
    "SeriesDescription": "ImageMRSERIES",
    "SeriesNumber": 4,
    "SliceEncodingDirection": "k",
    "TaskName": "workingmemory",
    "UsePhilipsFloatNotDisplayScaling": 1,
    "WaterFatShift": 12,
    "acq_id": "seq",
    "dataset": "ds002790",
    "modality": "bold",
    "subject_id": "0209",
    "task_id": "workingmemory"
  },
  "dummy_trs": 0,
  "dvars_nstd": 17.3724917945912,
  "dvars_std": 1.2450797235849067,
  "dvars_vstd": 0.9983525641509433,
  "efc": 0.47201142802357293,
  "fber": 158301.015625,
  "fd_mean": 0.09919995511980827,
  "fd_num": 3,
  "fd_perc": 1.875,
  "fwhm_avg": 2.172947383510507,
  "fwhm_x": 2.1335866666666665,
  "fwhm_y": 2.356176666666667,
  "fwhm_z": 2.0290788171981875,
  "gcor": 0.0288837,
  "gsr_x": -0.006314040161669254,
  "gsr_y": 0.015172185376286507,
  "provenance": {
    "md5sum": "0cfb0b9338a9a23b1ab11b18c4fe2e67",
    "settings": {
      "fd_thres": 0.2,
      "testing": false
    },
    "software": "mriqc",
    "version": "23.0.1",
    "webapi_port": null,
    "webapi_url": "https://mriqc.nimh.nih.gov/api/v1"
  },
  "size_t": 160,
  "size_x": 80,
  "size_y": 80,
  "size_z": 36,
  "snr": 5.348241907706511,
  "spacing_tr": 2.0,
  "spacing_x": 3.0,
  "spacing_y": 3.0,
  "spacing_z": 3.299999952316284,
  "summary_bg_k": 35.58804617094119,
  "summary_bg_mad": 86.39518102860552,
  "summary_bg_mean": 835.9161376953125,
  "summary_bg_median": 72.75788879394531,
  "summary_bg_n": 146021.0,
  "summary_bg_p05": 5.225330352783203,
  "summary_bg_p95": 4016.046630859375,
  "summary_bg_stdv": 2325.328369140625,
  "summary_fg_k": 2.479429666979417,
  "summary_fg_mad": 4760.878963047961,
  "summary_fg_mean": 30241.35546875,
  "summary_fg_median": 29478.83203125,
  "summary_fg_n": 42560.0,
  "summary_fg_p05": 23034.0798828125,
  "summary_fg_p95": 39839.71152343749,
  "summary_fg_stdv": 5511.80859375,
  "tsnr": 96.78251647949219
}