{
  "aor": 0.0025405000000000002,
  "aqi": 0.0026517859375,
  "bids_meta": {
    "AcquisitionNumber": 3,
    "BidsifyVersion": "0.3.5",
    "ConversionSoftware": "dcm2niix",
    "ConversionSoftwareVersion": "v1.0.20181125  GCC6.3.0",
    "EchoTime": 0.02763,
    "EffectiveEchoSpacing": 0.0006909035636805814,
    "FlipAngle": 76.1,
    "ImageComments": "PIOP2",
    "ImageOrientationPatientDICOM": [
      0.999962,
      0.00814744,
      0.00299654,
      -0.00750477,
      0.984835,
      -0.173332
    ],
    "Manufacturer": "Philips",
    "NumberOfVolumesDiscardedByScanner": 2,
    "ParallelAcquisitionTechnique": "SENSE",
    "ParallelReductionFactorInPlane": 2,
    "PatientPosition": "HFS",
    "PhaseEncodingDirection": "j",
    "PhilipsRescaleIntercept": 0,
    "PhilipsRescaleSlope": 0.78803,
    "PhilipsScaleSlope": 0.0589736,
    "ProtocolName": "WIPtask-wm_boldSENSE",
    "PulseSequenceType": "gradient echo EPI",
    "ReconMatrixPE": 80,
    "RepetitionTime": 2,
    "SeriesDescription": "ImageMRSERIES",
    "SeriesNumber": 3,
    "SliceEncodingDirection": "k",
    "SliceTiming": [
      0.0,
      0.0556,
      0.1111,
      0.1667,
      0.2222,
      0.2778,
      0.3333,
      0.3889,
      0.4444,
      0.5,
      0.5556,
      0.6111,
      0.6667,
      0.7222,
      0.7778,
      0.8333,
      0.8889,
      0.9444,
      1.0,
      1.0556,
      1.1111,
      1.1667,
      1.2222,
      1.2778,
      1.3333,
      1.3889,
      1.4444,
      1.5,
      1.5556,
      1.6111,
      1.6667,
      1.7222,
      1.7778,
      1.8333,
      1.8889,
      1.9444
    ],
    "TaskName": "workingmemory",
    "TotalReadoutTime": 0.026945238983542674,
    "UsePhilipsFloatNotDisplayScaling": 1,
    "WaterFatShift": 12,
    "acq_id": "seq",
    "dataset": "ds002790",
    "modality": "bold",
    "subject_id": "0005",
    "task_id": "workingmemory"
  },
  "dummy_trs": 0,
  "dvars_nstd": 15.686344272389935,
  "dvars_std": 1.1765770013207548,
  "dvars_vstd": 1.0085585264779875,
  "efc": 0.4366457224680019,
  "fber": 203178.015625,
  "fd_mean": 0.10735860330016539,
  "fd_num": 11,
  "fd_perc": 6.875,
  "fwhm_avg": 2.0282871807998033,
  "fwhm_x": 1.95928,
  "fwhm_y": 2.2398633333333335,
  "fwhm_z": 1.8857182090660762,
  "gcor": 0.0233508,
  "gsr_x": -0.022969963029026985,
  "gsr_y": 0.019408199936151505,
  "provenance": {
    "md5sum": "96eed9e3c27a3d440680b4d9ac61a6bf",
    "settings": {
      "fd_thres": 0.2,
      "testing": false
    },
    "software": "mriqc",
    "version": "22.0.0rc1",
    "webapi_port": null,
    "webapi_url": "https://mriqc.nimh.nih.gov/api/v1"
  },
  "size_t": 160,
  "size_x": 80,
  "size_y": 80,
  "size_z": 36,
  "snr": 5.282172198367615,
  "spacing_tr": 2.0,
  "spacing_x": 3.0,
  "spacing_y": 3.0,
  "spacing_z": 3.299999952316284,
  "summary_bg_k": 45.89561567438406,
  "summary_bg_mad": 56.40051564715212,
  "summary_bg_mean": 703.6878662109375,
  "summary_bg_median": 51.14078140258789,
  "summary_bg_n": 154945.0,
  "summary_bg_p05": 4.993448543548585,
  "summary_bg_p95": 4082.7006835937477,
  "summary_bg_stdv": 1998.8941650390625,
  "summary_fg_k": 2.062255588274976,
  "summary_fg_mad": 4000.2692764650915,
  "summary_fg_mean": 24024.478515625,
  "summary_fg_median": 23538.55078125,
  "summary_fg_n": 35114.0,
  "summary_fg_p05": 17996.359765625,
  "summary_fg_p95": 31763.354101562494,
  "summary_fg_stdv": 4456.162109375,
  "tsnr": 99.45244598388672
}