{
  "aor": 0.0015927083333333336,
  "aqi": 0.003794648833333333,
  "bids_meta": {
    "AcquisitionNumber": 4,
    "BidsifyVersion": "0.3.5",
    "ConversionSoftware": "dcm2niix",
    "ConversionSoftwareVersion": "v1.0.20181125  GCC6.3.0",
    "EchoTime": 0.02763,
    "EffectiveEchoSpacing": 0.0006909035636805814,
    "FlipAngle": 76.1,
    "ImageComments": "PIOP2",
    "ImageOrientationPatientDICOM": [
      0.999962,
      0.00814744,
      0.00299654,
      -0.00750477,
      0.984835,
      -0.173332
    ],
    "Manufacturer": "Philips",
    "NumberOfVolumesDiscardedByScanner": 2,
    "ParallelAcquisitionTechnique": "SENSE",
    "ParallelReductionFactorInPlane": 2,
    "PatientPosition": "HFS",
    "PhaseEncodingDirection": "j",
    "PhilipsRescaleIntercept": 0,
    "PhilipsRescaleSlope": 0.7685,
    "PhilipsScaleSlope": 0.0602712,
    "ProtocolName": "WIPtask-rest_boldSENSE",
    "PulseSequenceType": "gradient echo EPI",
    "ReconMatrixPE": 80,
    "RepetitionTime": 2,
    "SeriesDescription": "ImageMRSERIES",
    "SeriesNumber": 4,
    "SliceEncodingDirection": "k",
    "SliceTiming": [
      0.0,
      0.0556,
      0.1111,
      0.1667,
      0.2222,
      0.2778,
      0.3333,
      0.3889,
      0.4444,
      0.5,
      0.5556,
      0.6111,
      0.6667,
      0.7222,
      0.7778,
      0.8333,
      0.8889,
      0.9444,
      1.0,
      1.0556,
      1.1111,
      1.1667,
      1.2222,
      1.2778,
      1.3333,
      1.3889,
      1.4444,
      1.5,
      1.5556,
      1.6111,
      1.6667,
      1.7222,
      1.7778,
      1.8333,
      1.8889,
      1.9444
    ],
    "TaskName": "restingstate",
    "TotalReadoutTime": 0.026945238983542674,
    "UsePhilipsFloatNotDisplayScaling": 1,
    "WaterFatShift": 12,
    "acq_id": "seq",
    "dataset": "ds002790",
    "modality": "bold",
    "subject_id": "0005",
    "task_id": "restingstate"
  },
  "dummy_trs": 0,
  "dvars_nstd": 15.675064477866115,
  "dvars_std": 1.1635511144769874,
  "dvars_vstd": 0.990474393012553,
  "efc": 0.4378744509750727,
  "fber": 199186.65625,
  "fd_mean": 0.0957239342801723,
  "fd_num": 5,
  "fd_perc": 2.0833333333333335,
  "fwhm_avg": 2.0417185950773207,
  "fwhm_x": 1.9726566666666667,
  "fwhm_y": 2.238523333333333,
  "fwhm_z": 1.9139757852319628,
  "gcor": 0.0317212,
  "gsr_x": -0.023106999695301056,
  "gsr_y": 0.020793955773115158,
  "provenance": {
    "md5sum": "53e09749f74bcb8916662e0c79a2a594",
    "settings": {
      "fd_thres": 0.2,
      "testing": false
    },
    "software": "mriqc",
    "version": "22.0.0rc1",
    "webapi_port": null,
    "webapi_url": "https://mriqc.nimh.nih.gov/api/v1"
  },
  "size_t": 240,
  "size_x": 80,
  "size_y": 80,
  "size_z": 36,
  "snr": 5.286776848938858,
  "spacing_tr": 2.0,
  "spacing_x": 3.0,
  "spacing_y": 3.0,
  "spacing_z": 3.299999952316284,
  "summary_bg_k": 48.11883568029989,
  "summary_bg_mad": 57.00073938780508,
  "summary_bg_mean": 720.3739624023438,
  "summary_bg_median": 51.80825424194336,
  "summary_bg_n": 154850.0,
  "summary_bg_p05": 5.4070295810699465,
  "summary_bg_p95": 4217.763525390621,
  "summary_bg_stdv": 2032.416259765625,
  "summary_fg_k": 2.059631081944305,
  "summary_fg_mad": 4023.5044331082336,
  "summary_fg_mean": 24193.568359375,
  "summary_fg_median": 23703.2265625,
  "summary_fg_n": 35182.0,
  "summary_fg_p05": 18112.212109375,
  "summary_fg_p95": 32067.44482421874,
  "summary_fg_stdv": 4483.42919921875,
  "tsnr": 88.83987426757812
}