{
  "aor": 0.002611515151515151,
  "aqi": 0.0022077160173160173,
  "bids_meta": {
    "AcquisitionNumber": 7,
    "BidsifyVersion": "0.3.5",
    "ConversionSoftware": "dcm2niix",
    "ConversionSoftwareVersion": "v1.0.20181125  GCC6.3.0",
    "EchoTime": 0.02763,
    "EffectiveEchoSpacing": 0.0006909035636805814,
    "FlipAngle": 76.1,
    "ImageComments": "PIOP2",
    "ImageOrientationPatientDICOM": [
      0.999962,
      0.00814744,
      0.00299654,
      -0.00750477,
      0.984835,
      -0.173332
    ],
    "Manufacturer": "Philips",
    "NumberOfVolumesDiscardedByScanner": 2,
    "ParallelAcquisitionTechnique": "SENSE",
    "ParallelReductionFactorInPlane": 2,
    "PatientPosition": "HFS",
    "PhaseEncodingDirection": "j",
    "PhilipsRescaleIntercept": 0,
    "PhilipsRescaleSlope": 0.78071,
    "PhilipsScaleSlope": 0.0583178,
    "ProtocolName": "WIPtask-stop_boldSENSE",
    "PulseSequenceType": "gradient echo EPI",
    "ReconMatrixPE": 80,
    "RepetitionTime": 2,
    "SeriesDescription": "ImageMRSERIES",
    "SeriesNumber": 7,
    "SliceEncodingDirection": "k",
    "SliceTiming": [
      0.0,
      0.0556,
      0.1111,
      0.1667,
      0.2222,
      0.2778,
      0.3333,
      0.3889,
      0.4444,
      0.5,
      0.5556,
      0.6111,
      0.6667,
      0.7222,
      0.7778,
      0.8333,
      0.8889,
      0.9444,
      1.0,
      1.0556,
      1.1111,
      1.1667,
      1.2222,
      1.2778,
      1.3333,
      1.3889,
      1.4444,
      1.5,
      1.5556,
      1.6111,
      1.6667,
      1.7222,
      1.7778,
      1.8333,
      1.8889,
      1.9444
    ],
    "TaskName": "stopsignal",
    "TotalReadoutTime": 0.026945238983542674,
    "UsePhilipsFloatNotDisplayScaling": 1,
    "WaterFatShift": 12,
    "acq_id": "seq",
    "dataset": "ds002790",
    "modality": "bold",
    "subject_id": "0005",
    "task_id": "stopsignal"
  },
  "dummy_trs": 0,
  "dvars_nstd": 15.716240530565198,
  "dvars_std": 1.2269225381304354,
  "dvars_vstd": 1.0289653318260865,
  "efc": 0.43861381360786006,
  "fber": 198491.703125,
  "fd_mean": 0.08612151382041315,
  "fd_num": 2,
  "fd_perc": 0.8658008658008658,
  "fwhm_avg": 2.0332929384577336,
  "fwhm_x": 1.9752333333333334,
  "fwhm_y": 2.2218666666666667,
  "fwhm_z": 1.9027788153732013,
  "gcor": 0.0209932,
  "gsr_x": -0.022863736376166344,
  "gsr_y": 0.020479273051023483,
  "provenance": {
    "md5sum": "76b55344c4ebad386cc8ac7cf58d43a2",
    "settings": {
      "fd_thres": 0.2,
      "testing": false
    },
    "software": "mriqc",
    "version": "22.0.0rc1",
    "webapi_port": null,
    "webapi_url": "https://mriqc.nimh.nih.gov/api/v1"
  },
  "size_t": 231,
  "size_x": 80,
  "size_y": 80,
  "size_z": 36,
  "snr": 5.334342445288593,
  "spacing_tr": 2.0,
  "spacing_x": 3.0,
  "spacing_y": 3.0,
  "spacing_z": 3.299999952316284,
  "summary_bg_k": 44.207786518051755,
  "summary_bg_mad": 56.378376493159124,
  "summary_bg_mean": 708.9849243164062,
  "summary_bg_median": 50.75904083251953,
  "summary_bg_n": 154789.0,
  "summary_bg_p05": 4.6693216323852536,
  "summary_bg_p95": 4193.397753906251,
  "summary_bg_stdv": 1967.306396484375,
  "summary_fg_k": 2.0503414934205875,
  "summary_fg_mad": 3899.226460424985,
  "summary_fg_mean": 23627.78515625,
  "summary_fg_median": 23166.716796875,
  "summary_fg_n": 35193.0,
  "summary_fg_p05": 17727.7859375,
  "summary_fg_p95": 31226.46796875,
  "summary_fg_stdv": 4342.8759765625,
  "tsnr": 112.92471313476562
}