{
  "aor": 0.0024608837209302327,
  "aqi": 0.0031389259534883723,
  "bids_meta": {
    "AcquisitionNumber": 7,
    "BidsifyVersion": "0.3.5",
    "ConversionSoftware": "dcm2niix",
    "ConversionSoftwareVersion": "v1.0.20181125  GCC6.3.0",
    "EchoTime": 0.02763,
    "EffectiveEchoSpacing": 0.0006909035636805814,
    "FlipAngle": 76.1,
    "ImageComments": "PIOP2",
    "ImageOrientationPatientDICOM": [
      0.999949,
      -0.00797628,
      0.00612684,
      0.00785375,
      0.999774,
      0.0197697
    ],
    "Manufacturer": "Philips",
    "NumberOfVolumesDiscardedByScanner": 2,
    "ParallelAcquisitionTechnique": "SENSE",
    "ParallelReductionFactorInPlane": 2,
    "PatientPosition": "HFS",
    "PhaseEncodingDirection": "j",
    "PhilipsRescaleIntercept": 0,
    "PhilipsRescaleSlope": 0.7956,
    "PhilipsScaleSlope": 0.0682642,
    "ProtocolName": "WIPtask-stop_boldSENSE",
    "PulseSequenceType": "gradient echo EPI",
    "ReconMatrixPE": 80,
    "RepetitionTime": 2,
    "SeriesDescription": "ImageMRSERIES",
    "SeriesNumber": 7,
    "SliceEncodingDirection": "k",
    "SliceTiming": [
      0.0,
      0.0556,
      0.1111,
      0.1667,
      0.2222,
      0.2778,
      0.3333,
      0.3889,
      0.4444,
      0.5,
      0.5556,
      0.6111,
      0.6667,
      0.7222,
      0.7778,
      0.8333,
      0.8889,
      0.9444,
      1.0,
      1.0556,
      1.1111,
      1.1667,
      1.2222,
      1.2778,
      1.3333,
      1.3889,
      1.4444,
      1.5,
      1.5556,
      1.6111,
      1.6667,
      1.7222,
      1.7778,
      1.8333,
      1.8889,
      1.9444
    ],
    "TaskName": "stopsignal",
    "TotalReadoutTime": 0.026945238983542674,
    "UsePhilipsFloatNotDisplayScaling": 1,
    "WaterFatShift": 12,
    "acq_id": "seq",
    "dataset": "ds002790",
    "modality": "bold",
    "subject_id": "0169",
    "task_id": "stopsignal"
  },
  "dummy_trs": 0,
  "dvars_nstd": 17.31028171327102,
  "dvars_std": 1.1851945034112144,
  "dvars_vstd": 1.0267632509813085,
  "efc": 0.4116768997354439,
  "fber": 204381.671875,
  "fd_mean": 0.08752506683514726,
  "fd_num": 3,
  "fd_perc": 1.3953488372093024,
  "fwhm_avg": 1.8658926344471487,
  "fwhm_x": 1.8224,
  "fwhm_y": 2.076023333333333,
  "fwhm_z": 1.6992545700081128,
  "gcor": 0.0131434,
  "gsr_x": -0.01270019169896841,
  "gsr_y": 0.013942993246018887,
  "provenance": {
    "md5sum": "5956f1b8a4d31a0406aa2c67344b7db6",
    "settings": {
      "fd_thres": 0.2,
      "testing": false
    },
    "software": "mriqc",
    "version": "22.0.0rc1",
    "webapi_port": null,
    "webapi_url": "https://mriqc.nimh.nih.gov/api/v1"
  },
  "size_t": 215,
  "size_x": 80,
  "size_y": 80,
  "size_z": 36,
  "snr": 6.006915761649226,
  "spacing_tr": 2.0,
  "spacing_x": 3.0,
  "spacing_y": 3.0,
  "spacing_z": 3.299999952316284,
  "summary_bg_k": 126.4792570423966,
  "summary_bg_mad": 53.33705651923995,
  "summary_bg_mean": 482.83868408203125,
  "summary_bg_median": 48.97230529785156,
  "summary_bg_n": 158507.0,
  "summary_bg_p05": 4.991491746902466,
  "summary_bg_p95": 2038.1757324218709,
  "summary_bg_stdv": 1551.3863525390625,
  "summary_fg_k": 1.7070208348272002,
  "summary_fg_mad": 3445.567555807019,
  "summary_fg_mean": 22765.83984375,
  "summary_fg_median": 22395.322265625,
  "summary_fg_n": 32176.0,
  "summary_fg_p05": 17581.95849609375,
  "summary_fg_p95": 29106.78515625,
  "summary_fg_stdv": 3728.198486328125,
  "tsnr": 104.06291198730469
}