{
  "bids_meta": {
    "AcquisitionNumber": 2,
    "BidsifyVersion": "0.3.5",
    "ConversionSoftware": "dcm2niix",
    "ConversionSoftwareVersion": "v1.0.20181125  GCC6.3.0",
    "EchoTime": 0.00384,
    "ImageComments": "PIOP2",
    "ImageOrientationPatientDICOM": [
      0.988999,
      0.142549,
      -0.0395131,
      -0.138291,
      0.985814,
      0.0951087
    ],
    "Manufacturer": "Philips",
    "NumberSignalAcquisitions": 2,
    "PatientPosition": "HFS",
    "PhilipsRescaleIntercept": 0,
    "PhilipsRescaleSlope": 8.85128,
    "PhilipsScaleSlope": 0.00738886,
    "ProtocolName": "WIPT1anat_acq-6m_T1wSENSE",
    "ReconMatrixPE": 240,
    "RepetitionTime": 0.008306,
    "SeriesDescription": "ImageMRSERIES",
    "SeriesNumber": 2,
    "UsePhilipsFloatNotDisplayScaling": 1,
    "dataset": "ds002790",
    "modality": "T1w",
    "subject_id": "0052"
  },
  "cjv": 0.2474206651143707,
  "cnr": 4.643881745116303,
  "efc": 0.757507683002895,
  "fber": 1946.4791259765625,
  "fwhm_avg": 4.487136666666667,
  "fwhm_x": 4.30517,
  "fwhm_y": 4.46594,
  "fwhm_z": 4.6903,
  "icvs_csf": 0.25668924532535004,
  "icvs_gm": 0.4019235825311468,
  "icvs_wm": 0.34138717214350317,
  "inu_med": 1.7048068046569824,
  "inu_range": 0.3907151758670808,
  "provenance": {
    "md5sum": "05abbc736874c85918ae1a32200956a9",
    "settings": {
      "testing": false
    },
    "software": "mriqc",
    "version": "22.0.0rc1",
    "warnings": {
      "large_rot_frame": true,
      "small_air_mask": true
    },
    "webapi_port": null,
    "webapi_url": "https://mriqc.nimh.nih.gov/api/v1"
  },
  "qi_1": 1.962945202982555e-05,
  "qi_2": 8.779138579554961e-05,
  "rpve_csf": 22.64848168560346,
  "rpve_gm": 14.303739872087796,
  "rpve_wm": 21.871923217106062,
  "size_x": 240,
  "size_y": 240,
  "size_z": 220,
  "snr_csf": 1.8138810289615848,
  "snr_gm": 8.865316040463716,
  "snr_total": 12.292460041192426,
  "snr_wm": 26.198183054151972,
  "snrd_csf": 25.870888168587218,
  "snrd_gm": 52.83947343844671,
  "snrd_total": 54.36710890091893,
  "snrd_wm": 84.39096509572286,
  "spacing_x": 1.0,
  "spacing_y": 1.0,
  "spacing_z": 1.0,
  "summary_bg_k": 5.851356321665584,
  "summary_bg_mad": 7.7630990135792315,
  "summary_bg_mean": 7.636244297027588,
  "summary_bg_median": 5.375826358795166,
  "summary_bg_n": 191428.0,
  "summary_bg_p05": 0.0,
  "summary_bg_p95": 16.463655757904053,
  "summary_bg_stdv": 6.062410831451416,
  "summary_csf_k": 89.61679074044149,
  "summary_csf_mad": 85.87695543759446,
  "summary_csf_mean": 300.5133361816406,
  "summary_csf_median": 306.5594787597656,
  "summary_csf_n": 20225.0,
  "summary_csf_p05": 119.42154083251953,
  "summary_csf_p95": 420.50104980468734,
  "summary_csf_stdv": 169.00331115722656,
  "summary_gm_k": 0.7711832517717552,
  "summary_gm_mad": 61.427909178964704,
  "summary_gm_mean": 634.7955932617188,
  "summary_gm_median": 626.126220703125,
  "summary_gm_n": 24199.0,
  "summary_gm_p05": 533.9608093261719,
  "summary_gm_p95": 768.6031677246094,
  "summary_gm_stdv": 70.62503814697266,
  "summary_wm_k": 1.9156951540119733,
  "summary_wm_mad": 31.075827530876634,
  "summary_wm_mean": 996.2073974609375,
  "summary_wm_median": 999.99853515625,
  "summary_wm_n": 204661.0,
  "summary_wm_p05": 925.835205078125,
  "summary_wm_p95": 1050.77294921875,
  "summary_wm_stdv": 38.17043685913086,
  "tpm_overlap_csf": 0.16227178275585175,
  "tpm_overlap_gm": 0.4436221718788147,
  "tpm_overlap_wm": 0.5038774013519287,
  "wm2max": 0.6698971388649878
}