{
  "aor": 0.0038104374999999996,
  "aqi": 0.005372144625,
  "bids_meta": {
    "AcquisitionNumber": 3,
    "BidsifyVersion": "0.3.5",
    "ConversionSoftware": "dcm2niix",
    "ConversionSoftwareVersion": "v1.0.20181125  GCC6.3.0",
    "EchoTime": 0.02763,
    "FlipAngle": 76.1,
    "ImageComments": "PIOP2",
    "ImageOrientationPatientDICOM": [
      0.997867,
      0.0616907,
      0.0213689,
      -0.0643542,
      0.984557,
      0.162805
    ],
    "Manufacturer": "Philips",
    "NumberOfVolumesDiscardedByScanner": 2,
    "ParallelAcquisitionTechnique": "SENSE",
    "ParallelReductionFactorInPlane": 2,
    "PatientPosition": "HFS",
    "PhaseEncodingDirection": "j",
    "PhilipsRescaleIntercept": 0,
    "PhilipsRescaleSlope": 0.79048,
    "PhilipsScaleSlope": 0.0636415,
    "ProtocolName": "WIPtask-wm_boldSENSE",
    "PulseSequenceType": "gradient echo EPI",
    "ReconMatrixPE": 80,
    "RepetitionTime": 2,
    "SeriesDescription": "ImageMRSERIES",
    "SeriesNumber": 3,
    "SliceEncodingDirection": "k",
    "TaskName": "workingmemory",
    "UsePhilipsFloatNotDisplayScaling": 1,
    "WaterFatShift": 12,
    "acq_id": "seq",
    "dataset": "ds002790",
    "modality": "bold",
    "subject_id": "0225",
    "task_id": "workingmemory"
  },
  "dummy_trs": 0,
  "dvars_nstd": 20.372825046226428,
  "dvars_std": 1.2776248870440252,
  "dvars_vstd": 1.0048429755974841,
  "efc": 0.42803494270129616,
  "fber": 258162.09375,
  "fd_mean": 0.1288203534346708,
  "fd_num": 16,
  "fd_perc": 10.0,
  "fwhm_avg": 1.9844978877166,
  "fwhm_x": 1.95095,
  "fwhm_y": 2.14878,
  "fwhm_z": 1.8537636631498,
  "gcor": 0.0222558,
  "gsr_x": -0.009334832429885864,
  "gsr_y": 0.010992326773703098,
  "provenance": {
    "md5sum": "f1e40d0f8e0ffa96eeac9741dfd8a90b",
    "settings": {
      "fd_thres": 0.2,
      "testing": false
    },
    "software": "mriqc",
    "version": "23.0.1",
    "webapi_port": null,
    "webapi_url": "https://mriqc.nimh.nih.gov/api/v1"
  },
  "size_t": 160,
  "size_x": 80,
  "size_y": 80,
  "size_z": 36,
  "snr": 5.3555159443284515,
  "spacing_tr": 2.0,
  "spacing_x": 3.0,
  "spacing_y": 3.0,
  "spacing_z": 3.299999952316284,
  "summary_bg_k": 95.94068269467304,
  "summary_bg_mad": 48.914684864437156,
  "summary_bg_mean": 438.8974609375,
  "summary_bg_median": 42.51299285888672,
  "summary_bg_n": 153478.0,
  "summary_bg_p05": 3.302698469161988,
  "summary_bg_p95": 1980.1404907226554,
  "summary_bg_stdv": 1357.6876220703125,
  "summary_fg_k": 1.5880229061853948,
  "summary_fg_mad": 3799.4143200545363,
  "summary_fg_mean": 22512.34765625,
  "summary_fg_median": 22024.37890625,
  "summary_fg_n": 36301.0,
  "summary_fg_p05": 16951.43359375,
  "summary_fg_p95": 29637.943359375,
  "summary_fg_stdv": 4112.40966796875,
  "tsnr": 78.68853759765625
}