{
  "aor": 0.0015113333333333333,
  "aqi": 0.0036168609583333336,
  "bids_meta": {
    "AcquisitionNumber": 4,
    "BidsifyVersion": "0.3.5",
    "ConversionSoftware": "dcm2niix",
    "ConversionSoftwareVersion": "v1.0.20181125  GCC6.3.0",
    "EchoTime": 0.02763,
    "EffectiveEchoSpacing": 0.0006909035636805814,
    "FlipAngle": 76.1,
    "ImageComments": "PIOP2",
    "ImageOrientationPatientDICOM": [
      0.997166,
      0.0550599,
      0.0512691,
      -0.0513867,
      0.996194,
      -0.0703989
    ],
    "Manufacturer": "Philips",
    "NumberOfVolumesDiscardedByScanner": 2,
    "ParallelAcquisitionTechnique": "SENSE",
    "ParallelReductionFactorInPlane": 2,
    "PatientPosition": "HFS",
    "PhaseEncodingDirection": "j",
    "PhilipsRescaleIntercept": 0,
    "PhilipsRescaleSlope": 0.75629,
    "PhilipsScaleSlope": 0.0643373,
    "ProtocolName": "WIPtask-rest_boldSENSE",
    "PulseSequenceType": "gradient echo EPI",
    "ReconMatrixPE": 80,
    "RepetitionTime": 2,
    "SeriesDescription": "ImageMRSERIES",
    "SeriesNumber": 4,
    "SliceEncodingDirection": "k",
    "SliceTiming": [
      0.0,
      0.0556,
      0.1111,
      0.1667,
      0.2222,
      0.2778,
      0.3333,
      0.3889,
      0.4444,
      0.5,
      0.5556,
      0.6111,
      0.6667,
      0.7222,
      0.7778,
      0.8333,
      0.8889,
      0.9444,
      1.0,
      1.0556,
      1.1111,
      1.1667,
      1.2222,
      1.2778,
      1.3333,
      1.3889,
      1.4444,
      1.5,
      1.5556,
      1.6111,
      1.6667,
      1.7222,
      1.7778,
      1.8333,
      1.8889,
      1.9444
    ],
    "TaskName": "restingstate",
    "TotalReadoutTime": 0.026945238983542674,
    "UsePhilipsFloatNotDisplayScaling": 1,
    "WaterFatShift": 12,
    "acq_id": "seq",
    "dataset": "ds002790",
    "modality": "bold",
    "subject_id": "0016",
    "task_id": "restingstate"
  },
  "dummy_trs": 0,
  "dvars_nstd": 19.590031188493718,
  "dvars_std": 1.3035541186192465,
  "dvars_vstd": 1.005146857154812,
  "efc": 0.4152653356590406,
  "fber": 243775.53125,
  "fd_mean": 0.132801440625739,
  "fd_num": 26,
  "fd_perc": 10.833333333333334,
  "fwhm_avg": 1.9553297056924892,
  "fwhm_x": 1.94451,
  "fwhm_y": 2.11047,
  "fwhm_z": 1.8110091170774678,
  "gcor": 0.018,
  "gsr_x": -0.014653079211711884,
  "gsr_y": 0.010439888574182987,
  "provenance": {
    "md5sum": "3a3aad4fefd55ecf49d4455f9ccd36e5",
    "settings": {
      "fd_thres": 0.2,
      "testing": false
    },
    "software": "mriqc",
    "version": "22.0.0rc1",
    "webapi_port": null,
    "webapi_url": "https://mriqc.nimh.nih.gov/api/v1"
  },
  "size_t": 240,
  "size_x": 80,
  "size_y": 80,
  "size_z": 36,
  "snr": 6.086343753708133,
  "spacing_tr": 2.0,
  "spacing_x": 3.0,
  "spacing_y": 3.0,
  "spacing_z": 3.299999952316284,
  "summary_bg_k": 84.39699364184442,
  "summary_bg_mad": 54.483461163407014,
  "summary_bg_mean": 520.9854125976562,
  "summary_bg_median": 49.03827667236328,
  "summary_bg_n": 157568.0,
  "summary_bg_p05": 5.913922452926636,
  "summary_bg_p95": 2443.3470458984366,
  "summary_bg_stdv": 1573.6195068359375,
  "summary_fg_k": 0.863079403588638,
  "summary_fg_mad": 3951.9457104056746,
  "summary_fg_mean": 24496.861328125,
  "summary_fg_median": 24339.70703125,
  "summary_fg_n": 33085.0,
  "summary_fg_p05": 18130.998046875,
  "summary_fg_p95": 30732.11328125,
  "summary_fg_stdv": 3999.00830078125,
  "tsnr": 99.19094848632812
}