{
  "bids_meta": {
    "AcquisitionNumber": 2,
    "BidsifyVersion": "0.3.5",
    "ConversionSoftware": "dcm2niix",
    "ConversionSoftwareVersion": "v1.0.20181125  GCC6.3.0",
    "EchoTime": 0.00373,
    "ImageComments": "PIOP2",
    "ImageOrientationPatientDICOM": [
      0.999796,
      0.0065539,
      -0.0191063,
      -0.00628199,
      0.999879,
      0.014257
    ],
    "Manufacturer": "Philips",
    "PatientPosition": "HFS",
    "PhilipsRescaleIntercept": 0,
    "PhilipsRescaleSlope": 9.29402,
    "PhilipsScaleSlope": 0.00739055,
    "ProtocolName": "WIPT1anat_acq-6m_T1wSENSE",
    "ReconMatrixPE": 240,
    "RepetitionTime": 0.008163,
    "SeriesDescription": "ImageMRSERIES",
    "SeriesNumber": 2,
    "UsePhilipsFloatNotDisplayScaling": 1,
    "dataset": "ds002790",
    "modality": "T1w",
    "subject_id": "0216"
  },
  "cjv": 0.2434697480469975,
  "cnr": 5.392394492062258,
  "efc": 0.7402263047290488,
  "fber": -1.0,
  "fwhm_avg": 5.123976249980579,
  "fwhm_x": 4.88568,
  "fwhm_y": 5.066729395998788,
  "fwhm_z": 5.419519353942948,
  "icvs_csf": 0.275631453312456,
  "icvs_gm": 0.4112406317282435,
  "icvs_wm": 0.31312791495930054,
  "inu_med": 0.5739497542381287,
  "inu_range": 0.1537428140640259,
  "provenance": {
    "md5sum": "a081f75acf4e2862970ee73ec81f69ee",
    "settings": {
      "testing": false
    },
    "software": "mriqc",
    "version": "23.0.1",
    "warnings": {
      "large_rot_frame": true,
      "small_air_mask": true
    },
    "webapi_port": null,
    "webapi_url": "https://mriqc.nimh.nih.gov/api/v1"
  },
  "qi_1": 0.0,
  "qi_2": 4.947245620558627e-05,
  "rpve_csf": 21.12321526737577,
  "rpve_gm": 13.494918547625378,
  "rpve_wm": 21.393930540598387,
  "size_x": 240,
  "size_y": 240,
  "size_z": 220,
  "snr_csf": 1.548798307349452,
  "snr_gm": 9.340302297642085,
  "snr_total": 12.9990250898909,
  "snr_wm": 28.107974664681162,
  "snrd_csf": 19.76692483891977,
  "snrd_gm": 97.9547508837261,
  "snrd_total": 93.45351604527916,
  "snrd_wm": 162.63887241319156,
  "spacing_x": 1.0,
  "spacing_y": 1.0000001192092896,
  "spacing_z": 1.0000001192092896,
  "summary_bg_k": 223.1646658330462,
  "summary_bg_mad": 0.0,
  "summary_bg_mean": 0.9649627505620546,
  "summary_bg_median": 0.0,
  "summary_bg_n": 205488.0,
  "summary_bg_p05": 0.0,
  "summary_bg_p95": 4.831915486603975,
  "summary_bg_stdv": 4.028249380034366,
  "summary_csf_k": 0.8714403775701958,
  "summary_csf_mad": 76.3221149138294,
  "summary_csf_mean": 134.23934320831947,
  "summary_csf_median": 121.54125877842307,
  "summary_csf_n": 64573.0,
  "summary_csf_p05": 30.808623529970646,
  "summary_csf_p95": 284.43049862682807,
  "summary_csf_stdv": 78.47394788777623,
  "summary_gm_k": 0.06694992107669817,
  "summary_gm_mad": 65.36210001645638,
  "summary_gm_mean": 602.4082400943427,
  "summary_gm_median": 602.2962004840374,
  "summary_gm_n": 39746.0,
  "summary_gm_p05": 497.69245742307976,
  "summary_gm_p95": 707.2509801401757,
  "summary_gm_stdv": 64.48277629870084,
  "summary_wm_k": 0.9857073573878359,
  "summary_wm_mad": 31.471774621506867,
  "summary_wm_mean": 999.0505342414157,
  "summary_wm_median": 1000.020662823692,
  "summary_wm_n": 180244.0,
  "summary_wm_p05": 938.341468129307,
  "summary_wm_p95": 1055.319251170382,
  "summary_wm_stdv": 35.57772840892895,
  "tpm_overlap_csf": 0.16610262071343007,
  "tpm_overlap_gm": 0.49198419110704616,
  "tpm_overlap_wm": 0.529435963353834,
  "wm2max": 0.8279452029829155
}