{
  "aor": 0.003247037037037037,
  "aqi": 0.00588605637037037,
  "bids_meta": {
    "AcquisitionNumber": 8,
    "BidsifyVersion": "0.3.5",
    "ConversionSoftware": "dcm2niix",
    "ConversionSoftwareVersion": "v1.0.20181125  GCC6.3.0",
    "EchoTime": 0.02763,
    "EffectiveEchoSpacing": 0.0006909035636805814,
    "FlipAngle": 76.1,
    "ImageComments": "PIOP2",
    "ImageOrientationPatientDICOM": [
      0.999767,
      -0.00985839,
      -0.0192236,
      0.0157056,
      0.942661,
      0.333382
    ],
    "Manufacturer": "Philips",
    "NumberOfVolumesDiscardedByScanner": 2,
    "ParallelAcquisitionTechnique": "SENSE",
    "ParallelReductionFactorInPlane": 2,
    "PatientPosition": "HFS",
    "PhaseEncodingDirection": "j",
    "PhilipsRescaleIntercept": 0,
    "PhilipsRescaleSlope": 0.76459,
    "PhilipsScaleSlope": 0.054708,
    "ProtocolName": "WIPtask-harriri_boldSENSE",
    "PulseSequenceType": "gradient echo EPI",
    "ReconMatrixPE": 80,
    "RepetitionTime": 2,
    "SeriesDescription": "ImageMRSERIES",
    "SeriesNumber": 8,
    "SliceEncodingDirection": "k",
    "SliceTiming": [
      0.0,
      0.0556,
      0.1111,
      0.1667,
      0.2222,
      0.2778,
      0.3333,
      0.3889,
      0.4444,
      0.5,
      0.5556,
      0.6111,
      0.6667,
      0.7222,
      0.7778,
      0.8333,
      0.8889,
      0.9444,
      1.0,
      1.0556,
      1.1111,
      1.1667,
      1.2222,
      1.2778,
      1.3333,
      1.3889,
      1.4444,
      1.5,
      1.5556,
      1.6111,
      1.6667,
      1.7222,
      1.7778,
      1.8333,
      1.8889,
      1.9444
    ],
    "TaskName": "emomatching",
    "TotalReadoutTime": 0.026945238983542674,
    "UsePhilipsFloatNotDisplayScaling": 1,
    "WaterFatShift": 12,
    "acq_id": "seq",
    "dataset": "ds002790",
    "modality": "bold",
    "subject_id": "0198",
    "task_id": "emomatching"
  },
  "dummy_trs": 0,
  "dvars_nstd": 23.257340502910445,
  "dvars_std": 1.2672786214925365,
  "dvars_vstd": 1.0075366961194028,
  "efc": 0.4679345324587933,
  "fber": 170848.46875,
  "fd_mean": 0.19323765516218375,
  "fd_num": 59,
  "fd_perc": 43.7037037037037,
  "fwhm_avg": 2.125565262189999,
  "fwhm_x": 2.0382433333333334,
  "fwhm_y": 2.3318766666666666,
  "fwhm_z": 2.006575786569997,
  "gcor": 0.0151603,
  "gsr_x": -0.017289800569415092,
  "gsr_y": 0.030977977439761162,
  "provenance": {
    "md5sum": "e4a6ee9873d6b3e9817b743567d9d517",
    "settings": {
      "fd_thres": 0.2,
      "testing": false
    },
    "software": "mriqc",
    "version": "22.0.0rc1",
    "webapi_port": null,
    "webapi_url": "https://mriqc.nimh.nih.gov/api/v1"
  },
  "size_t": 135,
  "size_x": 80,
  "size_y": 80,
  "size_z": 36,
  "snr": 4.918272246096107,
  "spacing_tr": 2.0,
  "spacing_x": 3.0,
  "spacing_y": 3.0,
  "spacing_z": 3.299999952316284,
  "summary_bg_k": 84.35982861540059,
  "summary_bg_mad": 69.87972138798517,
  "summary_bg_mean": 746.2975463867188,
  "summary_bg_median": 60.303375244140625,
  "summary_bg_n": 147429.0,
  "summary_bg_p05": 4.827714538574219,
  "summary_bg_p95": 4065.74951171875,
  "summary_bg_stdv": 1957.3837890625,
  "summary_fg_k": 2.3982602959321975,
  "summary_fg_mad": 4407.877745378185,
  "summary_fg_mean": 26290.462890625,
  "summary_fg_median": 25462.5078125,
  "summary_fg_n": 42073.0,
  "summary_fg_p05": 19502.27890625,
  "summary_fg_p95": 35657.703125,
  "summary_fg_stdv": 5177.06298828125,
  "tsnr": 78.42257690429688
}