{
  "aor": 0.0024398749999999998,
  "aqi": 0.003807194,
  "bids_meta": {
    "AcquisitionNumber": 3,
    "BidsifyVersion": "0.3.5",
    "ConversionSoftware": "dcm2niix",
    "ConversionSoftwareVersion": "v1.0.20181125  GCC6.3.0",
    "EchoTime": 0.02763,
    "EffectiveEchoSpacing": 0.0006909035636805814,
    "FlipAngle": 76.1,
    "ImageComments": "PIOP2",
    "ImageOrientationPatientDICOM": [
      0.999767,
      -0.00985839,
      -0.0192236,
      0.0157056,
      0.942661,
      0.333382
    ],
    "Manufacturer": "Philips",
    "NumberOfVolumesDiscardedByScanner": 2,
    "ParallelAcquisitionTechnique": "SENSE",
    "ParallelReductionFactorInPlane": 2,
    "PatientPosition": "HFS",
    "PhaseEncodingDirection": "j",
    "PhilipsRescaleIntercept": 0,
    "PhilipsRescaleSlope": 0.8486,
    "PhilipsScaleSlope": 0.0462302,
    "ProtocolName": "WIPtask-wm_boldSENSE",
    "PulseSequenceType": "gradient echo EPI",
    "ReconMatrixPE": 80,
    "RepetitionTime": 2,
    "SeriesDescription": "ImageMRSERIES",
    "SeriesNumber": 3,
    "SliceEncodingDirection": "k",
    "SliceTiming": [
      0.0,
      0.0556,
      0.1111,
      0.1667,
      0.2222,
      0.2778,
      0.3333,
      0.3889,
      0.4444,
      0.5,
      0.5556,
      0.6111,
      0.6667,
      0.7222,
      0.7778,
      0.8333,
      0.8889,
      0.9444,
      1.0,
      1.0556,
      1.1111,
      1.1667,
      1.2222,
      1.2778,
      1.3333,
      1.3889,
      1.4444,
      1.5,
      1.5556,
      1.6111,
      1.6667,
      1.7222,
      1.7778,
      1.8333,
      1.8889,
      1.9444
    ],
    "TaskName": "workingmemory",
    "TotalReadoutTime": 0.026945238983542674,
    "UsePhilipsFloatNotDisplayScaling": 1,
    "WaterFatShift": 12,
    "acq_id": "seq",
    "dataset": "ds002790",
    "modality": "bold",
    "subject_id": "0198",
    "task_id": "workingmemory"
  },
  "dummy_trs": 0,
  "dvars_nstd": 23.198238432641517,
  "dvars_std": 1.2379803830817617,
  "dvars_vstd": 1.0127336092452834,
  "efc": 0.46524763370056427,
  "fber": 196978.890625,
  "fd_mean": 0.20368832869674713,
  "fd_num": 78,
  "fd_perc": 48.75,
  "fwhm_avg": 2.1341855653531945,
  "fwhm_x": 2.0518899999999998,
  "fwhm_y": 2.3165,
  "fwhm_z": 2.0341666960595837,
  "gcor": 0.0395922,
  "gsr_x": -0.01579730585217476,
  "gsr_y": 0.029714709147810936,
  "provenance": {
    "md5sum": "8ae7ab26d8b46391c7195d93ba3c563f",
    "settings": {
      "fd_thres": 0.2,
      "testing": false
    },
    "software": "mriqc",
    "version": "22.0.0rc1",
    "webapi_port": null,
    "webapi_url": "https://mriqc.nimh.nih.gov/api/v1"
  },
  "size_t": 160,
  "size_x": 80,
  "size_y": 80,
  "size_z": 36,
  "snr": 4.867375376959578,
  "spacing_tr": 2.0,
  "spacing_x": 3.0,
  "spacing_y": 3.0,
  "spacing_z": 3.299999952316284,
  "summary_bg_k": 80.57315421848801,
  "summary_bg_mad": 64.18429111483894,
  "summary_bg_mean": 714.0950317382812,
  "summary_bg_median": 56.747257232666016,
  "summary_bg_n": 147128.0,
  "summary_bg_p05": 4.978806877136231,
  "summary_bg_p95": 3868.7744995117155,
  "summary_bg_stdv": 1953.980712890625,
  "summary_fg_k": 2.3908327555460946,
  "summary_fg_mad": 4523.008178201553,
  "summary_fg_mean": 26627.791015625,
  "summary_fg_median": 25810.234375,
  "summary_fg_n": 42143.0,
  "summary_fg_p05": 19648.4439453125,
  "summary_fg_p95": 36258.309375000004,
  "summary_fg_stdv": 5302.6376953125,
  "tsnr": 87.20028686523438
}