{
  "aor": 0.007314459459459458,
  "aqi": 0.006610592612612613,
  "bids_meta": {
    "AcquisitionNumber": 7,
    "BidsifyVersion": "0.3.5",
    "ConversionSoftware": "dcm2niix",
    "ConversionSoftwareVersion": "v1.0.20181125  GCC6.3.0",
    "EchoTime": 0.02763,
    "EffectiveEchoSpacing": 0.0006909035636805814,
    "FlipAngle": 76.1,
    "ImageComments": "PIOP2",
    "ImageOrientationPatientDICOM": [
      0.999767,
      -0.00985839,
      -0.0192236,
      0.0157056,
      0.942661,
      0.333382
    ],
    "Manufacturer": "Philips",
    "NumberOfVolumesDiscardedByScanner": 2,
    "ParallelAcquisitionTechnique": "SENSE",
    "ParallelReductionFactorInPlane": 2,
    "PatientPosition": "HFS",
    "PhaseEncodingDirection": "j",
    "PhilipsRescaleIntercept": 0,
    "PhilipsRescaleSlope": 0.74872,
    "PhilipsScaleSlope": 0.0544244,
    "ProtocolName": "WIPtask-stop_boldSENSE",
    "PulseSequenceType": "gradient echo EPI",
    "ReconMatrixPE": 80,
    "RepetitionTime": 2,
    "SeriesDescription": "ImageMRSERIES",
    "SeriesNumber": 7,
    "SliceEncodingDirection": "k",
    "SliceTiming": [
      0.0,
      0.0556,
      0.1111,
      0.1667,
      0.2222,
      0.2778,
      0.3333,
      0.3889,
      0.4444,
      0.5,
      0.5556,
      0.6111,
      0.6667,
      0.7222,
      0.7778,
      0.8333,
      0.8889,
      0.9444,
      1.0,
      1.0556,
      1.1111,
      1.1667,
      1.2222,
      1.2778,
      1.3333,
      1.3889,
      1.4444,
      1.5,
      1.5556,
      1.6111,
      1.6667,
      1.7222,
      1.7778,
      1.8333,
      1.8889,
      1.9444
    ],
    "TaskName": "stopsignal",
    "TotalReadoutTime": 0.026945238983542674,
    "UsePhilipsFloatNotDisplayScaling": 1,
    "WaterFatShift": 12,
    "acq_id": "seq",
    "dataset": "ds002790",
    "modality": "bold",
    "subject_id": "0198",
    "task_id": "stopsignal"
  },
  "dummy_trs": 0,
  "dvars_nstd": 23.618741773393666,
  "dvars_std": 1.2905042139366518,
  "dvars_vstd": 1.0691324500904984,
  "efc": 0.4621889734090517,
  "fber": 196363.578125,
  "fd_mean": 0.238584473470133,
  "fd_num": 120,
  "fd_perc": 54.054054054054056,
  "fwhm_avg": 2.1381786966896352,
  "fwhm_x": 2.0420000000000003,
  "fwhm_y": 2.33353,
  "fwhm_z": 2.0390060900689053,
  "gcor": 0.0321516,
  "gsr_x": -0.015318750403821468,
  "gsr_y": 0.032844141125679016,
  "provenance": {
    "md5sum": "7be0db8c7e173fcf00b8faeacbb494ce",
    "settings": {
      "fd_thres": 0.2,
      "testing": false
    },
    "software": "mriqc",
    "version": "22.0.0rc1",
    "webapi_port": null,
    "webapi_url": "https://mriqc.nimh.nih.gov/api/v1"
  },
  "size_t": 222,
  "size_x": 80,
  "size_y": 80,
  "size_z": 36,
  "snr": 4.9353052698584,
  "spacing_tr": 2.0,
  "spacing_x": 3.0,
  "spacing_y": 3.0,
  "spacing_z": 3.299999952316284,
  "summary_bg_k": 90.94188825173583,
  "summary_bg_mad": 59.5599403300402,
  "summary_bg_mean": 715.9961547851562,
  "summary_bg_median": 55.78814697265625,
  "summary_bg_n": 147985.0,
  "summary_bg_p05": 6.584486770629883,
  "summary_bg_p95": 3907.739013671869,
  "summary_bg_stdv": 1979.208740234375,
  "summary_fg_k": 2.334562852176142,
  "summary_fg_mad": 4352.348211309489,
  "summary_fg_mean": 26239.728515625,
  "summary_fg_median": 25405.728515625,
  "summary_fg_n": 41348.0,
  "summary_fg_p05": 19517.6296875,
  "summary_fg_p95": 35725.40136718751,
  "summary_fg_stdv": 5147.68994140625,
  "tsnr": 72.39156341552734
}