{
  "aor": 0.0022514583333333327,
  "aqi": 0.0024946837083333335,
  "bids_meta": {
    "AcquisitionNumber": 4,
    "BidsifyVersion": "0.3.5",
    "ConversionSoftware": "dcm2niix",
    "ConversionSoftwareVersion": "v1.0.20181125  GCC6.3.0",
    "EchoTime": 0.02763,
    "FlipAngle": 76.1,
    "ImageComments": "PIOP2",
    "ImageOrientationPatientDICOM": [
      0.998484,
      0.0513092,
      -0.0199418,
      -0.0532021,
      0.992483,
      -0.110217
    ],
    "Manufacturer": "Philips",
    "NumberOfVolumesDiscardedByScanner": 2,
    "ParallelAcquisitionTechnique": "SENSE",
    "ParallelReductionFactorInPlane": 2,
    "PatientPosition": "HFS",
    "PhaseEncodingDirection": "j",
    "PhilipsRescaleIntercept": 0,
    "PhilipsRescaleSlope": 0.75995,
    "PhilipsScaleSlope": 0.0548467,
    "ProtocolName": "WIPtask-rest_boldSENSE",
    "PulseSequenceType": "gradient echo EPI",
    "ReconMatrixPE": 80,
    "RepetitionTime": 2,
    "SeriesDescription": "ImageMRSERIES",
    "SeriesNumber": 4,
    "SliceEncodingDirection": "k",
    "TaskName": "restingstate",
    "UsePhilipsFloatNotDisplayScaling": 1,
    "WaterFatShift": 12,
    "acq_id": "seq",
    "dataset": "ds002790",
    "modality": "bold",
    "subject_id": "0206",
    "task_id": "restingstate"
  },
  "dummy_trs": 0,
  "dvars_nstd": 19.562973349665256,
  "dvars_std": 1.3109978328451888,
  "dvars_vstd": 1.0180776997071128,
  "efc": 0.4348373755083181,
  "fber": 207366.484375,
  "fd_mean": 0.1552245585301371,
  "fd_num": 34,
  "fd_perc": 14.166666666666666,
  "fwhm_avg": 2.0474228374998265,
  "fwhm_x": 1.9780166666666668,
  "fwhm_y": 2.2506366666666664,
  "fwhm_z": 1.9136151791661462,
  "gcor": 0.0510847,
  "gsr_x": -0.022938620299100876,
  "gsr_y": 0.018178004771471024,
  "provenance": {
    "md5sum": "c82d0e8ea9d582ed7e0e934ef8f817c6",
    "settings": {
      "fd_thres": 0.2,
      "testing": false
    },
    "software": "mriqc",
    "version": "23.0.1",
    "webapi_port": null,
    "webapi_url": "https://mriqc.nimh.nih.gov/api/v1"
  },
  "size_t": 240,
  "size_x": 80,
  "size_y": 80,
  "size_z": 36,
  "snr": 5.532157728791378,
  "spacing_tr": 2.0,
  "spacing_x": 3.0,
  "spacing_y": 3.0,
  "spacing_z": 3.299999952316284,
  "summary_bg_k": 32.25728396661871,
  "summary_bg_mad": 58.952124547787705,
  "summary_bg_mean": 649.1534423828125,
  "summary_bg_median": 52.63360595703125,
  "summary_bg_n": 154293.0,
  "summary_bg_p05": 4.668282318115235,
  "summary_bg_p95": 3381.9061523437485,
  "summary_bg_stdv": 1860.2020263671875,
  "summary_fg_k": 0.9780551681391718,
  "summary_fg_mad": 4355.395943409053,
  "summary_fg_mean": 25157.9609375,
  "summary_fg_median": 24702.455078125,
  "summary_fg_n": 35315.0,
  "summary_fg_p05": 18830.673828125,
  "summary_fg_p95": 32922.993359375,
  "summary_fg_stdv": 4465.1845703125,
  "tsnr": 107.99016571044922
}