{
  "aor": 0.002994740740740741,
  "aqi": 0.002609968888888889,
  "bids_meta": {
    "AcquisitionNumber": 8,
    "BidsifyVersion": "0.3.5",
    "ConversionSoftware": "dcm2niix",
    "ConversionSoftwareVersion": "v1.0.20181125  GCC6.3.0",
    "EchoTime": 0.02763,
    "FlipAngle": 76.1,
    "ImageComments": "PIOP2",
    "ImageOrientationPatientDICOM": [
      0.998484,
      0.0513092,
      -0.0199418,
      -0.0532021,
      0.992483,
      -0.110217
    ],
    "Manufacturer": "Philips",
    "NumberOfVolumesDiscardedByScanner": 2,
    "ParallelAcquisitionTechnique": "SENSE",
    "ParallelReductionFactorInPlane": 2,
    "PatientPosition": "HFS",
    "PhaseEncodingDirection": "j",
    "PhilipsRescaleIntercept": 0,
    "PhilipsRescaleSlope": 0.75702,
    "PhilipsScaleSlope": 0.0551366,
    "ProtocolName": "WIPtask-harriri_boldSENSE",
    "PulseSequenceType": "gradient echo EPI",
    "ReconMatrixPE": 80,
    "RepetitionTime": 2,
    "SeriesDescription": "ImageMRSERIES",
    "SeriesNumber": 8,
    "SliceEncodingDirection": "k",
    "TaskName": "emomatching",
    "UsePhilipsFloatNotDisplayScaling": 1,
    "WaterFatShift": 12,
    "acq_id": "seq",
    "dataset": "ds002790",
    "modality": "bold",
    "subject_id": "0206",
    "task_id": "emomatching"
  },
  "dummy_trs": 0,
  "dvars_nstd": 18.714271310149247,
  "dvars_std": 1.3009172143283583,
  "dvars_vstd": 1.030918560298508,
  "efc": 0.4349636302561867,
  "fber": 250611.140625,
  "fd_mean": 0.15549296639407925,
  "fd_num": 20,
  "fd_perc": 14.814814814814815,
  "fwhm_avg": 2.0652808173846355,
  "fwhm_x": 1.99284,
  "fwhm_y": 2.27136,
  "fwhm_z": 1.931642452153906,
  "gcor": 0.0400776,
  "gsr_x": -0.023322494700551033,
  "gsr_y": 0.018684308975934982,
  "provenance": {
    "md5sum": "1aeaae43f3a8a8d6566738e9be30cd07",
    "settings": {
      "fd_thres": 0.2,
      "testing": false
    },
    "software": "mriqc",
    "version": "23.0.1",
    "webapi_port": null,
    "webapi_url": "https://mriqc.nimh.nih.gov/api/v1"
  },
  "size_t": 135,
  "size_x": 80,
  "size_y": 80,
  "size_z": 36,
  "snr": 5.480401433572114,
  "spacing_tr": 2.0,
  "spacing_x": 3.0,
  "spacing_y": 3.0,
  "spacing_z": 3.299999952316284,
  "summary_bg_k": 30.79494152353473,
  "summary_bg_mad": 54.536348828185915,
  "summary_bg_mean": 653.0296630859375,
  "summary_bg_median": 47.70635223388672,
  "summary_bg_n": 154316.0,
  "summary_bg_p05": 3.7226850986480713,
  "summary_bg_p95": 3436.2234497070312,
  "summary_bg_stdv": 1858.8994140625,
  "summary_fg_k": 1.0072874916640648,
  "summary_fg_mad": 4320.698128793343,
  "summary_fg_mean": 25031.6953125,
  "summary_fg_median": 24539.765625,
  "summary_fg_n": 35292.0,
  "summary_fg_p05": 18730.54443359375,
  "summary_fg_p95": 32871.806640625,
  "summary_fg_stdv": 4477.66796875,
  "tsnr": 106.36196899414062
}