{
  "aor": 0.002138951965065502,
  "aqi": 0.0032006392576419216,
  "bids_meta": {
    "AcquisitionNumber": 7,
    "BidsifyVersion": "0.3.5",
    "ConversionSoftware": "dcm2niix",
    "ConversionSoftwareVersion": "v1.0.20181125  GCC6.3.0",
    "EchoTime": 0.02763,
    "FlipAngle": 76.1,
    "ImageComments": "PIOP2",
    "ImageOrientationPatientDICOM": [
      0.998484,
      0.0513092,
      -0.0199418,
      -0.0532021,
      0.992483,
      -0.110217
    ],
    "Manufacturer": "Philips",
    "NumberOfVolumesDiscardedByScanner": 2,
    "ParallelAcquisitionTechnique": "SENSE",
    "ParallelReductionFactorInPlane": 2,
    "PatientPosition": "HFS",
    "PhaseEncodingDirection": "j",
    "PhilipsRescaleIntercept": 0,
    "PhilipsRescaleSlope": 0.76093,
    "PhilipsScaleSlope": 0.055083,
    "ProtocolName": "WIPtask-stop_boldSENSE",
    "PulseSequenceType": "gradient echo EPI",
    "ReconMatrixPE": 80,
    "RepetitionTime": 2,
    "SeriesDescription": "ImageMRSERIES",
    "SeriesNumber": 7,
    "SliceEncodingDirection": "k",
    "TaskName": "stopsignal",
    "UsePhilipsFloatNotDisplayScaling": 1,
    "WaterFatShift": 12,
    "acq_id": "seq",
    "dataset": "ds002790",
    "modality": "bold",
    "subject_id": "0206",
    "task_id": "stopsignal"
  },
  "dummy_trs": 0,
  "dvars_nstd": 19.800865871666673,
  "dvars_std": 1.2981639842105266,
  "dvars_vstd": 1.0152367685087722,
  "efc": 0.43554629694741054,
  "fber": 249635.984375,
  "fd_mean": 0.16274799498910078,
  "fd_num": 45,
  "fd_perc": 19.650655021834062,
  "fwhm_avg": 2.06337495879577,
  "fwhm_x": 1.9878966666666666,
  "fwhm_y": 2.27121,
  "fwhm_z": 1.9310182097206434,
  "gcor": 0.0341069,
  "gsr_x": -0.023559870198369026,
  "gsr_y": 0.019661476835608482,
  "provenance": {
    "md5sum": "eb3ff52b6ba090c9902ffea673db5da5",
    "settings": {
      "fd_thres": 0.2,
      "testing": false
    },
    "software": "mriqc",
    "version": "23.0.1",
    "webapi_port": null,
    "webapi_url": "https://mriqc.nimh.nih.gov/api/v1"
  },
  "size_t": 229,
  "size_x": 80,
  "size_y": 80,
  "size_z": 36,
  "snr": 5.509756402771408,
  "spacing_tr": 2.0,
  "spacing_x": 3.0,
  "spacing_y": 3.0,
  "spacing_z": 3.299999952316284,
  "summary_bg_k": 32.475527160634954,
  "summary_bg_mad": 54.55482310242736,
  "summary_bg_mean": 663.0296630859375,
  "summary_bg_median": 47.7877082824707,
  "summary_bg_n": 154286.0,
  "summary_bg_p05": 3.9444918632507324,
  "summary_bg_p95": 3511.990478515625,
  "summary_bg_stdv": 1894.610107421875,
  "summary_fg_k": 1.0229233142843386,
  "summary_fg_mad": 4299.345181997914,
  "summary_fg_mean": 25053.388671875,
  "summary_fg_median": 24583.98828125,
  "summary_fg_n": 35282.0,
  "summary_fg_p05": 18734.43525390625,
  "summary_fg_p95": 32873.897656249996,
  "summary_fg_stdv": 4461.837890625,
  "tsnr": 103.78404235839844
}