{
  "bids_meta": {
    "AcquisitionNumber": 2,
    "BidsifyVersion": "0.3.5",
    "ConversionSoftware": "dcm2niix",
    "ConversionSoftwareVersion": "v1.0.20181125  GCC6.3.0",
    "EchoTime": 0.00376,
    "ImageComments": "PIOP2",
    "ImageOrientationPatientDICOM": [
      0.9988,
      0.038697,
      0.0300038,
      -0.0404652,
      0.997332,
      0.0607548
    ],
    "Manufacturer": "Philips",
    "NumberSignalAcquisitions": 2,
    "PatientPosition": "HFS",
    "PhilipsRescaleIntercept": 0,
    "PhilipsRescaleSlope": 9.73895,
    "PhilipsScaleSlope": 0.00736317,
    "ProtocolName": "WIPT1anat_acq-6m_T1wSENSE",
    "ReconMatrixPE": 240,
    "RepetitionTime": 0.008187,
    "SeriesDescription": "ImageMRSERIES",
    "SeriesNumber": 2,
    "UsePhilipsFloatNotDisplayScaling": 1,
    "dataset": "ds002790",
    "modality": "T1w",
    "subject_id": "0131"
  },
  "cjv": 0.26774906169040047,
  "cnr": 4.486750997873434,
  "efc": 0.7581219618112999,
  "fber": 1480.8692626953125,
  "fwhm_avg": 4.597682967961275,
  "fwhm_x": 4.362109479996028,
  "fwhm_y": 4.59816,
  "fwhm_z": 4.832779423887798,
  "icvs_csf": 0.2602858977093027,
  "icvs_gm": 0.3815945646214675,
  "icvs_wm": 0.35811953766922977,
  "inu_med": 1.4999408721923828,
  "inu_range": 0.31657133102417,
  "provenance": {
    "md5sum": "22992faeab89a240d2d71b56a67b0cc5",
    "settings": {
      "testing": false
    },
    "software": "mriqc",
    "version": "22.0.0rc1",
    "warnings": {
      "large_rot_frame": true,
      "small_air_mask": true
    },
    "webapi_port": null,
    "webapi_url": "https://mriqc.nimh.nih.gov/api/v1"
  },
  "qi_1": 0.0,
  "qi_2": 8.176305009410151e-05,
  "rpve_csf": 21.559346999950154,
  "rpve_gm": 14.037649890354333,
  "rpve_wm": 19.771616116599922,
  "size_x": 240,
  "size_y": 240,
  "size_z": 220,
  "snr_csf": 2.739683325158364,
  "snr_gm": 9.698623359283266,
  "snr_total": 13.490362192487524,
  "snr_wm": 28.032779893020944,
  "snrd_csf": 24.306091236188674,
  "snrd_gm": 54.814097090144855,
  "snrd_total": 54.23193644219913,
  "snrd_wm": 83.57562100026387,
  "spacing_x": 1.0000001192092896,
  "spacing_y": 1.0,
  "spacing_z": 1.0000001192092896,
  "summary_bg_k": 7.498455876949963,
  "summary_bg_mad": 7.8388253691015475,
  "summary_bg_mean": 8.407286643981934,
  "summary_bg_median": 5.462242126464844,
  "summary_bg_n": 166568.0,
  "summary_bg_p05": 0.0,
  "summary_bg_p95": 21.582434844970702,
  "summary_bg_stdv": 6.135624408721924,
  "summary_csf_k": 1.5739392450592549,
  "summary_csf_mad": 122.81174931005269,
  "summary_csf_mean": 290.2370300292969,
  "summary_csf_median": 290.8267822265625,
  "summary_csf_n": 24901.0,
  "summary_csf_p05": 120.83734130859375,
  "summary_csf_p95": 454.1013488769531,
  "summary_csf_stdv": 106.15129852294922,
  "summary_gm_k": 0.9229435916157067,
  "summary_gm_mad": 60.48137480362483,
  "summary_gm_mean": 660.33447265625,
  "summary_gm_median": 655.860595703125,
  "summary_gm_n": 24492.0,
  "summary_gm_p05": 557.8498596191406,
  "summary_gm_p95": 779.9681915283203,
  "summary_gm_stdv": 67.62271118164062,
  "summary_wm_k": 1.0934831840266703,
  "summary_wm_mad": 31.66094141911255,
  "summary_wm_mean": 998.9729614257812,
  "summary_wm_median": 999.9974365234375,
  "summary_wm_n": 233397.0,
  "summary_wm_p05": 938.2948120117187,
  "summary_wm_p95": 1055.137939453125,
  "summary_wm_stdv": 35.67235565185547,
  "tpm_overlap_csf": 0.1658501923084259,
  "tpm_overlap_gm": 0.4293345510959625,
  "tpm_overlap_wm": 0.5161750912666321,
  "wm2max": 0.8978733252739841
}