{
  "bids_meta": {
    "AcquisitionNumber": 2,
    "BidsifyVersion": "0.3.5",
    "ConversionSoftware": "dcm2niix",
    "ConversionSoftwareVersion": "v1.0.20181125  GCC6.3.0",
    "EchoTime": 0.00374,
    "ImageComments": "PIOP2",
    "ImageOrientationPatientDICOM": [
      0.999596,
      0.00894573,
      0.0269879,
      -0.00819992,
      0.999585,
      -0.0276206
    ],
    "Manufacturer": "Philips",
    "NumberSignalAcquisitions": 2,
    "PatientPosition": "HFS",
    "PhilipsRescaleIntercept": 0,
    "PhilipsRescaleSlope": 9.34383,
    "PhilipsScaleSlope": 0.00764738,
    "ProtocolName": "WIPT1anat_acq-6m_T1wSENSE",
    "ReconMatrixPE": 240,
    "RepetitionTime": 0.008189,
    "SeriesDescription": "ImageMRSERIES",
    "SeriesNumber": 2,
    "UsePhilipsFloatNotDisplayScaling": 1,
    "dataset": "ds002790",
    "modality": "T1w",
    "subject_id": "0109"
  },
  "cjv": 0.2669502133172599,
  "cnr": 4.517210926800928,
  "efc": 0.7481903605716229,
  "fber": 1379.90380859375,
  "fwhm_avg": 4.770700090112293,
  "fwhm_x": 4.5355002703368825,
  "fwhm_y": 4.80852,
  "fwhm_z": 4.96808,
  "icvs_csf": 0.25455065623460554,
  "icvs_gm": 0.3862668075977248,
  "icvs_wm": 0.35918253616766965,
  "inu_med": 1.8286083936691284,
  "inu_range": 0.4352673530578617,
  "provenance": {
    "md5sum": "b6c53ea227ada8d749b53a0877b544d2",
    "settings": {
      "testing": false
    },
    "software": "mriqc",
    "version": "22.0.0rc1",
    "warnings": {
      "large_rot_frame": true,
      "small_air_mask": true
    },
    "webapi_port": null,
    "webapi_url": "https://mriqc.nimh.nih.gov/api/v1"
  },
  "qi_1": 0.0,
  "qi_2": 0.00011493691120728794,
  "rpve_csf": 21.845200720580088,
  "rpve_gm": 13.816926883201424,
  "rpve_wm": 19.532487413570077,
  "size_x": 240,
  "size_y": 240,
  "size_z": 220,
  "snr_csf": 2.921493259320545,
  "snr_gm": 9.487505335328768,
  "snr_total": 12.413112185809105,
  "snr_wm": 24.830337962778003,
  "snrd_csf": 22.225030170411515,
  "snrd_gm": 49.17886729904665,
  "snrd_total": 49.315627046010256,
  "snrd_wm": 76.5429836685726,
  "spacing_x": 0.9999999403953552,
  "spacing_y": 1.0,
  "spacing_z": 1.0,
  "summary_bg_k": 11.146450235702076,
  "summary_bg_mad": 8.55905200586325,
  "summary_bg_mean": 8.847410202026367,
  "summary_bg_median": 5.916142463684082,
  "summary_bg_n": 175566.0,
  "summary_bg_p05": 0.0,
  "summary_bg_p95": 23.384997367858887,
  "summary_bg_stdv": 7.459224700927734,
  "summary_csf_k": 3.3626729717419277,
  "summary_csf_mad": 113.70131070197732,
  "summary_csf_mean": 281.31085205078125,
  "summary_csf_median": 290.35968017578125,
  "summary_csf_n": 20808.0,
  "summary_csf_p05": 122.04212799072266,
  "summary_csf_p95": 427.9239974975585,
  "summary_csf_stdv": 99.3850326538086,
  "summary_gm_k": 0.8887854727131703,
  "summary_gm_mad": 61.59477432123304,
  "summary_gm_mean": 648.1719360351562,
  "summary_gm_median": 642.4990234375,
  "summary_gm_n": 18954.0,
  "summary_gm_p05": 550.4909729003906,
  "summary_gm_p95": 771.6142272949219,
  "summary_gm_stdv": 67.71875762939453,
  "summary_wm_k": 1.3875309857329636,
  "summary_wm_mad": 33.839780299555535,
  "summary_wm_mean": 997.119384765625,
  "summary_wm_median": 999.9984741210938,
  "summary_wm_n": 234169.0,
  "summary_wm_p05": 925.3102661132813,
  "summary_wm_p95": 1057.9633056640625,
  "summary_wm_stdv": 40.27316665649414,
  "tpm_overlap_csf": 0.16187545657157898,
  "tpm_overlap_gm": 0.4247627258300781,
  "tpm_overlap_wm": 0.49224627017974854,
  "wm2max": 0.8025801242951213
}