{
  "aor": 0.0017919166666666667,
  "aqi": 0.0034295817916666664,
  "bids_meta": {
    "AcquisitionNumber": 4,
    "BidsifyVersion": "0.3.5",
    "ConversionSoftware": "dcm2niix",
    "ConversionSoftwareVersion": "v1.0.20181125  GCC6.3.0",
    "EchoTime": 0.02763,
    "EffectiveEchoSpacing": 0.0006909035636805814,
    "FlipAngle": 76.1,
    "ImageComments": "PIOP2",
    "ImageOrientationPatientDICOM": [
      0.996389,
      0.0786402,
      0.0320235,
      -0.0777176,
      0.996551,
      -0.0291043
    ],
    "Manufacturer": "Philips",
    "NumberOfVolumesDiscardedByScanner": 2,
    "ParallelAcquisitionTechnique": "SENSE",
    "ParallelReductionFactorInPlane": 2,
    "PatientPosition": "HFS",
    "PhaseEncodingDirection": "j",
    "PhilipsRescaleIntercept": 0,
    "PhilipsRescaleSlope": 0.79634,
    "PhilipsScaleSlope": 0.0589363,
    "ProtocolName": "WIPtask-rest_boldSENSE",
    "PulseSequenceType": "gradient echo EPI",
    "ReconMatrixPE": 80,
    "RepetitionTime": 2,
    "SeriesDescription": "ImageMRSERIES",
    "SeriesNumber": 4,
    "SliceEncodingDirection": "k",
    "SliceTiming": [
      0.0,
      0.0556,
      0.1111,
      0.1667,
      0.2222,
      0.2778,
      0.3333,
      0.3889,
      0.4444,
      0.5,
      0.5556,
      0.6111,
      0.6667,
      0.7222,
      0.7778,
      0.8333,
      0.8889,
      0.9444,
      1.0,
      1.0556,
      1.1111,
      1.1667,
      1.2222,
      1.2778,
      1.3333,
      1.3889,
      1.4444,
      1.5,
      1.5556,
      1.6111,
      1.6667,
      1.7222,
      1.7778,
      1.8333,
      1.8889,
      1.9444
    ],
    "TaskName": "restingstate",
    "TotalReadoutTime": 0.026945238983542674,
    "UsePhilipsFloatNotDisplayScaling": 1,
    "WaterFatShift": 12,
    "acq_id": "seq",
    "dataset": "ds002790",
    "modality": "bold",
    "subject_id": "0050",
    "task_id": "restingstate"
  },
  "dummy_trs": 0,
  "dvars_nstd": 18.2544836458159,
  "dvars_std": 1.2395197711715475,
  "dvars_vstd": 1.0039309191631798,
  "efc": 0.46840260185521443,
  "fber": 164573.34375,
  "fd_mean": 0.13529961672450425,
  "fd_num": 33,
  "fd_perc": 13.75,
  "fwhm_avg": 2.158999403740492,
  "fwhm_x": 2.136886666666667,
  "fwhm_y": 2.3052266666666665,
  "fwhm_z": 2.034884877888143,
  "gcor": 0.0208518,
  "gsr_x": -0.011411169543862343,
  "gsr_y": 0.015234318561851978,
  "provenance": {
    "md5sum": "7eec438eb9d01c1a0afcd743541ea294",
    "settings": {
      "fd_thres": 0.2,
      "testing": false
    },
    "software": "mriqc",
    "version": "22.0.0rc1",
    "webapi_port": null,
    "webapi_url": "https://mriqc.nimh.nih.gov/api/v1"
  },
  "size_t": 240,
  "size_x": 80,
  "size_y": 80,
  "size_z": 36,
  "snr": 5.305273765467217,
  "spacing_tr": 2.0,
  "spacing_x": 3.0,
  "spacing_y": 3.0,
  "spacing_z": 3.299999952316284,
  "summary_bg_k": 52.685978715354096,
  "summary_bg_mad": 67.66625208033734,
  "summary_bg_mean": 623.6861572265625,
  "summary_bg_median": 56.26045608520508,
  "summary_bg_n": 146552.0,
  "summary_bg_p05": 4.968158149719239,
  "summary_bg_p95": 3167.633520507807,
  "summary_bg_stdv": 1614.089111328125,
  "summary_fg_k": 1.9426804926894876,
  "summary_fg_mad": 3864.518510833172,
  "summary_fg_mean": 23920.203125,
  "summary_fg_median": 23318.8828125,
  "summary_fg_n": 42442.0,
  "summary_fg_p05": 18046.546484375,
  "summary_fg_p95": 31853.59101562499,
  "summary_fg_stdv": 4395.36376953125,
  "tsnr": 97.95500183105469
}