{
  "aor": 0.002565777777777778,
  "aqi": 0.002794419925925926,
  "bids_meta": {
    "AcquisitionNumber": 8,
    "BidsifyVersion": "0.3.5",
    "ConversionSoftware": "dcm2niix",
    "ConversionSoftwareVersion": "v1.0.20181125  GCC6.3.0",
    "EchoTime": 0.02763,
    "EffectiveEchoSpacing": 0.0006909035636805814,
    "FlipAngle": 76.1,
    "ImageComments": "PIOP2",
    "ImageOrientationPatientDICOM": [
      0.996389,
      0.0786402,
      0.0320235,
      -0.0777176,
      0.996551,
      -0.0291043
    ],
    "Manufacturer": "Philips",
    "NumberOfVolumesDiscardedByScanner": 2,
    "ParallelAcquisitionTechnique": "SENSE",
    "ParallelReductionFactorInPlane": 2,
    "PatientPosition": "HFS",
    "PhaseEncodingDirection": "j",
    "PhilipsRescaleIntercept": 0,
    "PhilipsRescaleSlope": 0.83248,
    "PhilipsScaleSlope": 0.0569518,
    "ProtocolName": "WIPtask-harriri_boldSENSE",
    "PulseSequenceType": "gradient echo EPI",
    "ReconMatrixPE": 80,
    "RepetitionTime": 2,
    "SeriesDescription": "ImageMRSERIES",
    "SeriesNumber": 8,
    "SliceEncodingDirection": "k",
    "SliceTiming": [
      0.0,
      0.0556,
      0.1111,
      0.1667,
      0.2222,
      0.2778,
      0.3333,
      0.3889,
      0.4444,
      0.5,
      0.5556,
      0.6111,
      0.6667,
      0.7222,
      0.7778,
      0.8333,
      0.8889,
      0.9444,
      1.0,
      1.0556,
      1.1111,
      1.1667,
      1.2222,
      1.2778,
      1.3333,
      1.3889,
      1.4444,
      1.5,
      1.5556,
      1.6111,
      1.6667,
      1.7222,
      1.7778,
      1.8333,
      1.8889,
      1.9444
    ],
    "TaskName": "emomatching",
    "TotalReadoutTime": 0.026945238983542674,
    "UsePhilipsFloatNotDisplayScaling": 1,
    "WaterFatShift": 12,
    "acq_id": "seq",
    "dataset": "ds002790",
    "modality": "bold",
    "subject_id": "0050",
    "task_id": "emomatching"
  },
  "dummy_trs": 0,
  "dvars_nstd": 17.41818006,
  "dvars_std": 1.2330356003731342,
  "dvars_vstd": 1.0250848157462689,
  "efc": 0.4700366637127018,
  "fber": 163341.171875,
  "fd_mean": 0.12545541427830503,
  "fd_num": 11,
  "fd_perc": 8.148148148148149,
  "fwhm_avg": 2.177959201777957,
  "fwhm_x": 2.1494,
  "fwhm_y": 2.33762,
  "fwhm_z": 2.0468576053338716,
  "gcor": 0.0174803,
  "gsr_x": -0.012129483744502068,
  "gsr_y": 0.01565438136458397,
  "provenance": {
    "md5sum": "32296ae4491544d288dd92f3c909c857",
    "settings": {
      "fd_thres": 0.2,
      "testing": false
    },
    "software": "mriqc",
    "version": "22.0.0rc1",
    "webapi_port": null,
    "webapi_url": "https://mriqc.nimh.nih.gov/api/v1"
  },
  "size_t": 135,
  "size_x": 80,
  "size_y": 80,
  "size_z": 36,
  "snr": 5.285259303742223,
  "spacing_tr": 2.0,
  "spacing_x": 3.0,
  "spacing_y": 3.0,
  "spacing_z": 3.299999952316284,
  "summary_bg_k": 49.07923223801524,
  "summary_bg_mad": 67.46531783696808,
  "summary_bg_mean": 642.1141967773438,
  "summary_bg_median": 56.08725357055664,
  "summary_bg_n": 146527.0,
  "summary_bg_p05": 4.982730436325073,
  "summary_bg_p95": 3281.438452148435,
  "summary_bg_stdv": 1640.510498046875,
  "summary_fg_k": 1.8917880297215186,
  "summary_fg_mad": 3876.6095373241296,
  "summary_fg_mean": 23751.572265625,
  "summary_fg_median": 23137.96875,
  "summary_fg_n": 42444.0,
  "summary_fg_p05": 17935.21025390625,
  "summary_fg_p95": 31638.696874999998,
  "summary_fg_stdv": 4377.77880859375,
  "tsnr": 107.69584655761719
}