{
  "aor": 0.0020873303167420814,
  "aqi": 0.00272901592760181,
  "bids_meta": {
    "AcquisitionNumber": 7,
    "BidsifyVersion": "0.3.5",
    "ConversionSoftware": "dcm2niix",
    "ConversionSoftwareVersion": "v1.0.20181125  GCC6.3.0",
    "EchoTime": 0.02763,
    "EffectiveEchoSpacing": 0.0006909035636805814,
    "FlipAngle": 76.1,
    "ImageComments": "PIOP2",
    "ImageOrientationPatientDICOM": [
      0.996389,
      0.0786402,
      0.0320235,
      -0.0777176,
      0.996551,
      -0.0291043
    ],
    "Manufacturer": "Philips",
    "NumberOfVolumesDiscardedByScanner": 2,
    "ParallelAcquisitionTechnique": "SENSE",
    "ParallelReductionFactorInPlane": 2,
    "PatientPosition": "HFS",
    "PhaseEncodingDirection": "j",
    "PhilipsRescaleIntercept": 0,
    "PhilipsRescaleSlope": 0.83077,
    "PhilipsScaleSlope": 0.0571229,
    "ProtocolName": "WIPtask-stop_boldSENSE",
    "PulseSequenceType": "gradient echo EPI",
    "ReconMatrixPE": 80,
    "RepetitionTime": 2,
    "SeriesDescription": "ImageMRSERIES",
    "SeriesNumber": 7,
    "SliceEncodingDirection": "k",
    "SliceTiming": [
      0.0,
      0.0556,
      0.1111,
      0.1667,
      0.2222,
      0.2778,
      0.3333,
      0.3889,
      0.4444,
      0.5,
      0.5556,
      0.6111,
      0.6667,
      0.7222,
      0.7778,
      0.8333,
      0.8889,
      0.9444,
      1.0,
      1.0556,
      1.1111,
      1.1667,
      1.2222,
      1.2778,
      1.3333,
      1.3889,
      1.4444,
      1.5,
      1.5556,
      1.6111,
      1.6667,
      1.7222,
      1.7778,
      1.8333,
      1.8889,
      1.9444
    ],
    "TaskName": "stopsignal",
    "TotalReadoutTime": 0.026945238983542674,
    "UsePhilipsFloatNotDisplayScaling": 1,
    "WaterFatShift": 12,
    "acq_id": "seq",
    "dataset": "ds002790",
    "modality": "bold",
    "subject_id": "0050",
    "task_id": "stopsignal"
  },
  "dummy_trs": 0,
  "dvars_nstd": 18.158240999227278,
  "dvars_std": 1.253790006,
  "dvars_vstd": 1.0243679175909093,
  "efc": 0.46992190164824443,
  "fber": 153679.625,
  "fd_mean": 0.12602039229772108,
  "fd_num": 17,
  "fd_perc": 7.6923076923076925,
  "fwhm_avg": 2.163252434047098,
  "fwhm_x": 2.1356266666666666,
  "fwhm_y": 2.3185033333333336,
  "fwhm_z": 2.035627302141295,
  "gcor": 0.019149,
  "gsr_x": -0.012044545263051987,
  "gsr_y": 0.015153329819440842,
  "provenance": {
    "md5sum": "39465f85f75f54f2ced1b5eda64be336",
    "settings": {
      "fd_thres": 0.2,
      "testing": false
    },
    "software": "mriqc",
    "version": "22.0.0rc1",
    "webapi_port": null,
    "webapi_url": "https://mriqc.nimh.nih.gov/api/v1"
  },
  "size_t": 221,
  "size_x": 80,
  "size_y": 80,
  "size_z": 36,
  "snr": 5.321577964512889,
  "spacing_tr": 2.0,
  "spacing_x": 3.0,
  "spacing_y": 3.0,
  "spacing_z": 3.299999952316284,
  "summary_bg_k": 48.60851644276087,
  "summary_bg_mad": 69.88574327180534,
  "summary_bg_mean": 636.6392822265625,
  "summary_bg_median": 57.53215026855469,
  "summary_bg_n": 146531.0,
  "summary_bg_p05": 4.462890386581421,
  "summary_bg_p95": 3242.1453857421875,
  "summary_bg_stdv": 1632.2772216796875,
  "summary_fg_k": 1.8882476800163674,
  "summary_fg_mad": 3823.5934773289932,
  "summary_fg_mean": 23613.08984375,
  "summary_fg_median": 23011.974609375,
  "summary_fg_n": 42455.0,
  "summary_fg_p05": 17866.0927734375,
  "summary_fg_p95": 31381.338671874997,
  "summary_fg_stdv": 4324.2255859375,
  "tsnr": 108.54963684082031
}