{
  "aor": 0.00315625,
  "aqi": 0.0031229634374999996,
  "bids_meta": {
    "AcquisitionNumber": 3,
    "BidsifyVersion": "0.3.5",
    "ConversionSoftware": "dcm2niix",
    "ConversionSoftwareVersion": "v1.0.20181125  GCC6.3.0",
    "EchoTime": 0.02763,
    "EffectiveEchoSpacing": 0.0006909035636805814,
    "FlipAngle": 76.1,
    "ImageComments": "PIOP2",
    "ImageOrientationPatientDICOM": [
      0.998835,
      0.0335892,
      0.0346486,
      -0.0381968,
      0.98909,
      0.142273
    ],
    "Manufacturer": "Philips",
    "NumberOfVolumesDiscardedByScanner": 2,
    "ParallelAcquisitionTechnique": "SENSE",
    "ParallelReductionFactorInPlane": 2,
    "PatientPosition": "HFS",
    "PhaseEncodingDirection": "j",
    "PhilipsRescaleIntercept": 0,
    "PhilipsRescaleSlope": 0.79121,
    "PhilipsScaleSlope": 0.0588133,
    "ProtocolName": "WIPtask-wm_boldSENSE",
    "PulseSequenceType": "gradient echo EPI",
    "ReconMatrixPE": 80,
    "RepetitionTime": 2,
    "SeriesDescription": "ImageMRSERIES",
    "SeriesNumber": 3,
    "SliceEncodingDirection": "k",
    "SliceTiming": [
      0.0,
      0.0556,
      0.1111,
      0.1667,
      0.2222,
      0.2778,
      0.3333,
      0.3889,
      0.4444,
      0.5,
      0.5556,
      0.6111,
      0.6667,
      0.7222,
      0.7778,
      0.8333,
      0.8889,
      0.9444,
      1.0,
      1.0556,
      1.1111,
      1.1667,
      1.2222,
      1.2778,
      1.3333,
      1.3889,
      1.4444,
      1.5,
      1.5556,
      1.6111,
      1.6667,
      1.7222,
      1.7778,
      1.8333,
      1.8889,
      1.9444
    ],
    "TaskName": "workingmemory",
    "TotalReadoutTime": 0.026945238983542674,
    "UsePhilipsFloatNotDisplayScaling": 1,
    "WaterFatShift": 12,
    "acq_id": "seq",
    "dataset": "ds002790",
    "modality": "bold",
    "subject_id": "0120",
    "task_id": "workingmemory"
  },
  "dummy_trs": 0,
  "dvars_nstd": 15.353945281823894,
  "dvars_std": 1.1645953547169814,
  "dvars_vstd": 1.025451925534591,
  "efc": 0.48896049974062206,
  "fber": 169410.640625,
  "fd_mean": 0.08609886381521127,
  "fd_num": 5,
  "fd_perc": 3.125,
  "fwhm_avg": 1.9765000087937121,
  "fwhm_x": 1.91239,
  "fwhm_y": 2.1913766666666668,
  "fwhm_z": 1.8257333597144698,
  "gcor": 0.0238352,
  "gsr_x": -0.008135746233165264,
  "gsr_y": 0.021773895248770714,
  "provenance": {
    "md5sum": "d009bd6987309a733b49e29fdcc546ef",
    "settings": {
      "fd_thres": 0.2,
      "testing": false
    },
    "software": "mriqc",
    "version": "22.0.0rc1",
    "webapi_port": null,
    "webapi_url": "https://mriqc.nimh.nih.gov/api/v1"
  },
  "size_t": 160,
  "size_x": 80,
  "size_y": 80,
  "size_z": 36,
  "snr": 6.103757759460717,
  "spacing_tr": 2.0,
  "spacing_x": 3.0,
  "spacing_y": 3.0,
  "spacing_z": 3.299999952316284,
  "summary_bg_k": 32.49158365713311,
  "summary_bg_mad": 65.29457223264312,
  "summary_bg_mean": 751.0514526367188,
  "summary_bg_median": 58.04656982421875,
  "summary_bg_n": 142523.0,
  "summary_bg_p05": 5.594914197921753,
  "summary_bg_p95": 4330.345019531248,
  "summary_bg_stdv": 1989.2623291015625,
  "summary_fg_k": 2.5974366382351617,
  "summary_fg_mad": 3348.778534022742,
  "summary_fg_mean": 24888.72265625,
  "summary_fg_median": 24462.580078125,
  "summary_fg_n": 45764.0,
  "summary_fg_p05": 19288.42978515625,
  "summary_fg_p95": 31634.96259765625,
  "summary_fg_stdv": 4007.746337890625,
  "tsnr": 109.71797180175781
}