{
  "aor": 0.002279237668161435,
  "aqi": 0.0027914769506726454,
  "bids_meta": {
    "AcquisitionNumber": 7,
    "BidsifyVersion": "0.3.5",
    "ConversionSoftware": "dcm2niix",
    "ConversionSoftwareVersion": "v1.0.20181125  GCC6.3.0",
    "EchoTime": 0.02763,
    "EffectiveEchoSpacing": 0.0006909035636805814,
    "FlipAngle": 76.1,
    "ImageComments": "PIOP2",
    "ImageOrientationPatientDICOM": [
      0.999945,
      -0.00284117,
      -0.0100926,
      0.00052357,
      0.974916,
      -0.222575
    ],
    "Manufacturer": "Philips",
    "NumberOfVolumesDiscardedByScanner": 2,
    "ParallelAcquisitionTechnique": "SENSE",
    "ParallelReductionFactorInPlane": 2,
    "PatientPosition": "HFS",
    "PhaseEncodingDirection": "j",
    "PhilipsRescaleIntercept": 0,
    "PhilipsRescaleSlope": 0.7956,
    "PhilipsScaleSlope": 0.0623185,
    "ProtocolName": "WIPtask-stop_boldSENSE",
    "PulseSequenceType": "gradient echo EPI",
    "ReconMatrixPE": 80,
    "RepetitionTime": 2,
    "SeriesDescription": "ImageMRSERIES",
    "SeriesNumber": 7,
    "SliceEncodingDirection": "k",
    "SliceTiming": [
      0.0,
      0.0556,
      0.1111,
      0.1667,
      0.2222,
      0.2778,
      0.3333,
      0.3889,
      0.4444,
      0.5,
      0.5556,
      0.6111,
      0.6667,
      0.7222,
      0.7778,
      0.8333,
      0.8889,
      0.9444,
      1.0,
      1.0556,
      1.1111,
      1.1667,
      1.2222,
      1.2778,
      1.3333,
      1.3889,
      1.4444,
      1.5,
      1.5556,
      1.6111,
      1.6667,
      1.7222,
      1.7778,
      1.8333,
      1.8889,
      1.9444
    ],
    "TaskName": "stopsignal",
    "TotalReadoutTime": 0.026945238983542674,
    "UsePhilipsFloatNotDisplayScaling": 1,
    "WaterFatShift": 12,
    "acq_id": "seq",
    "dataset": "ds002790",
    "modality": "bold",
    "subject_id": "0127",
    "task_id": "stopsignal"
  },
  "dummy_trs": 0,
  "dvars_nstd": 19.604967778693695,
  "dvars_std": 1.3343889556756752,
  "dvars_vstd": 1.0260489244594597,
  "efc": 0.39573222264067204,
  "fber": 241173.703125,
  "fd_mean": 0.11213108194473961,
  "fd_num": 16,
  "fd_perc": 7.174887892376682,
  "fwhm_avg": 2.005199302081779,
  "fwhm_x": 1.96757,
  "fwhm_y": 2.1478066666666664,
  "fwhm_z": 1.9002212395786697,
  "gcor": 0.0279919,
  "gsr_x": -0.017008870840072632,
  "gsr_y": 0.013417689129710197,
  "provenance": {
    "md5sum": "bb49e09c086dabfa3ace090bb2fed780",
    "settings": {
      "fd_thres": 0.2,
      "testing": false
    },
    "software": "mriqc",
    "version": "22.0.0rc1",
    "webapi_port": null,
    "webapi_url": "https://mriqc.nimh.nih.gov/api/v1"
  },
  "size_t": 223,
  "size_x": 80,
  "size_y": 80,
  "size_z": 36,
  "snr": 5.705169631751605,
  "spacing_tr": 2.0,
  "spacing_x": 3.0,
  "spacing_y": 3.0,
  "spacing_z": 3.299999952316284,
  "summary_bg_k": 148.25918644540073,
  "summary_bg_mad": 46.549603779783254,
  "summary_bg_mean": 431.4046325683594,
  "summary_bg_median": 46.45672607421875,
  "summary_bg_n": 160772.0,
  "summary_bg_p05": 4.414614939689637,
  "summary_bg_p95": 1986.4526245117183,
  "summary_bg_stdv": 1430.8114013671875,
  "summary_fg_k": 0.9849547732900628,
  "summary_fg_mad": 4047.1768415775373,
  "summary_fg_mean": 23746.2109375,
  "summary_fg_median": 23455.919921875,
  "summary_fg_n": 30007.0,
  "summary_fg_p05": 17797.86796875,
  "summary_fg_p95": 30658.130859374993,
  "summary_fg_stdv": 4111.2763671875,
  "tsnr": 109.98014068603516
}