{
  "aor": 0.0031984331797235022,
  "aqi": 0.00751040668202765,
  "bids_meta": {
    "AcquisitionNumber": 7,
    "BidsifyVersion": "0.3.5",
    "ConversionSoftware": "dcm2niix",
    "ConversionSoftwareVersion": "v1.0.20181125  GCC6.3.0",
    "EchoTime": 0.02763,
    "EffectiveEchoSpacing": 0.0006909035636805814,
    "FlipAngle": 76.1,
    "ImageComments": "PIOP2",
    "ImageOrientationPatientDICOM": [
      0.996929,
      0.076317,
      -0.0175627,
      -0.0775847,
      0.993004,
      -0.0890168
    ],
    "Manufacturer": "Philips",
    "NumberOfVolumesDiscardedByScanner": 2,
    "ParallelAcquisitionTechnique": "SENSE",
    "ParallelReductionFactorInPlane": 2,
    "PatientPosition": "HFS",
    "PhaseEncodingDirection": "j",
    "PhilipsRescaleIntercept": 0,
    "PhilipsRescaleSlope": 0.75556,
    "PhilipsScaleSlope": 0.0576348,
    "ProtocolName": "WIPtask-stop_boldSENSE",
    "PulseSequenceType": "gradient echo EPI",
    "ReconMatrixPE": 80,
    "RepetitionTime": 2,
    "SeriesDescription": "ImageMRSERIES",
    "SeriesNumber": 7,
    "SliceEncodingDirection": "k",
    "SliceTiming": [
      0.0,
      0.0556,
      0.1111,
      0.1667,
      0.2222,
      0.2778,
      0.3333,
      0.3889,
      0.4444,
      0.5,
      0.5556,
      0.6111,
      0.6667,
      0.7222,
      0.7778,
      0.8333,
      0.8889,
      0.9444,
      1.0,
      1.0556,
      1.1111,
      1.1667,
      1.2222,
      1.2778,
      1.3333,
      1.3889,
      1.4444,
      1.5,
      1.5556,
      1.6111,
      1.6667,
      1.7222,
      1.7778,
      1.8333,
      1.8889,
      1.9444
    ],
    "TaskName": "stopsignal",
    "TotalReadoutTime": 0.026945238983542674,
    "UsePhilipsFloatNotDisplayScaling": 1,
    "WaterFatShift": 12,
    "acq_id": "seq",
    "dataset": "ds002790",
    "modality": "bold",
    "subject_id": "0119",
    "task_id": "stopsignal"
  },
  "dummy_trs": 0,
  "dvars_nstd": 22.79639780069446,
  "dvars_std": 1.3149167358796288,
  "dvars_vstd": 0.9897263799537037,
  "efc": 0.4101622546851575,
  "fber": 263646.96875,
  "fd_mean": 0.12100576152971178,
  "fd_num": 17,
  "fd_perc": 7.8341013824884795,
  "fwhm_avg": 1.904630008619514,
  "fwhm_x": 1.8816966666666666,
  "fwhm_y": 2.0426266666666666,
  "fwhm_z": 1.789566692525209,
  "gcor": 0.0380018,
  "gsr_x": -0.01755787990987301,
  "gsr_y": 0.006578001659363508,
  "provenance": {
    "md5sum": "b240fde5817836ec0c3c6cd17220c95f",
    "settings": {
      "fd_thres": 0.2,
      "testing": false
    },
    "software": "mriqc",
    "version": "22.0.0rc1",
    "webapi_port": null,
    "webapi_url": "https://mriqc.nimh.nih.gov/api/v1"
  },
  "size_t": 217,
  "size_x": 80,
  "size_y": 80,
  "size_z": 36,
  "snr": 5.3381774147558305,
  "spacing_tr": 2.0,
  "spacing_x": 3.0,
  "spacing_y": 3.0,
  "spacing_z": 3.299999952316284,
  "summary_bg_k": 46.712509251899576,
  "summary_bg_mad": 51.033902994693484,
  "summary_bg_mean": 523.2523193359375,
  "summary_bg_median": 47.12070846557617,
  "summary_bg_n": 158845.0,
  "summary_bg_p05": 4.113086605072022,
  "summary_bg_p95": 2827.554931640621,
  "summary_bg_stdv": 1532.8817138671875,
  "summary_fg_k": 1.6817599724170398,
  "summary_fg_mad": 4208.770348418545,
  "summary_fg_mean": 24883.6796875,
  "summary_fg_median": 24364.33203125,
  "summary_fg_n": 32554.0,
  "summary_fg_p05": 18572.06044921875,
  "summary_fg_p95": 32827.68828125,
  "summary_fg_stdv": 4564.0966796875,
  "tsnr": 70.2143783569336
}