{
  "aor": 0.002149111111111111,
  "aqi": 0.0037501227407407407,
  "bids_meta": {
    "AcquisitionNumber": 8,
    "BidsifyVersion": "0.3.5",
    "ConversionSoftware": "dcm2niix",
    "ConversionSoftwareVersion": "v1.0.20181125  GCC6.3.0",
    "EchoTime": 0.02763,
    "EffectiveEchoSpacing": 0.0006909035636805814,
    "FlipAngle": 76.1,
    "ImageComments": "PIOP2",
    "ImageOrientationPatientDICOM": [
      0.996929,
      0.076317,
      -0.0175627,
      -0.0775847,
      0.993004,
      -0.0890168
    ],
    "Manufacturer": "Philips",
    "NumberOfVolumesDiscardedByScanner": 2,
    "ParallelAcquisitionTechnique": "SENSE",
    "ParallelReductionFactorInPlane": 2,
    "PatientPosition": "HFS",
    "PhaseEncodingDirection": "j",
    "PhilipsRescaleIntercept": 0,
    "PhilipsRescaleSlope": 0.75922,
    "PhilipsScaleSlope": 0.0574872,
    "ProtocolName": "WIPtask-harriri_boldSENSE",
    "PulseSequenceType": "gradient echo EPI",
    "ReconMatrixPE": 80,
    "RepetitionTime": 2,
    "SeriesDescription": "ImageMRSERIES",
    "SeriesNumber": 8,
    "SliceEncodingDirection": "k",
    "SliceTiming": [
      0.0,
      0.0556,
      0.1111,
      0.1667,
      0.2222,
      0.2778,
      0.3333,
      0.3889,
      0.4444,
      0.5,
      0.5556,
      0.6111,
      0.6667,
      0.7222,
      0.7778,
      0.8333,
      0.8889,
      0.9444,
      1.0,
      1.0556,
      1.1111,
      1.1667,
      1.2222,
      1.2778,
      1.3333,
      1.3889,
      1.4444,
      1.5,
      1.5556,
      1.6111,
      1.6667,
      1.7222,
      1.7778,
      1.8333,
      1.8889,
      1.9444
    ],
    "TaskName": "emomatching",
    "TotalReadoutTime": 0.026945238983542674,
    "UsePhilipsFloatNotDisplayScaling": 1,
    "WaterFatShift": 12,
    "acq_id": "seq",
    "dataset": "ds002790",
    "modality": "bold",
    "subject_id": "0119",
    "task_id": "emomatching"
  },
  "dummy_trs": 0,
  "dvars_nstd": 22.38122910171641,
  "dvars_std": 1.3580591794776116,
  "dvars_vstd": 1.0086232109701496,
  "efc": 0.40988255819640457,
  "fber": 268742.34375,
  "fd_mean": 0.11265359768092818,
  "fd_num": 9,
  "fd_perc": 6.666666666666667,
  "fwhm_avg": 1.8939056651395596,
  "fwhm_x": 1.87715,
  "fwhm_y": 2.02447,
  "fwhm_z": 1.7800969954186785,
  "gcor": 0.0580527,
  "gsr_x": -0.01753765158355236,
  "gsr_y": 0.00732809491455555,
  "provenance": {
    "md5sum": "182320fb1294d4b573b38ab12c4a472e",
    "settings": {
      "fd_thres": 0.2,
      "testing": false
    },
    "software": "mriqc",
    "version": "22.0.0rc1",
    "webapi_port": null,
    "webapi_url": "https://mriqc.nimh.nih.gov/api/v1"
  },
  "size_t": 135,
  "size_x": 80,
  "size_y": 80,
  "size_z": 36,
  "snr": 5.307604450533211,
  "spacing_tr": 2.0,
  "spacing_x": 3.0,
  "spacing_y": 3.0,
  "spacing_z": 3.299999952316284,
  "summary_bg_k": 46.432883511903526,
  "summary_bg_mad": 49.919010377927236,
  "summary_bg_mean": 519.4911499023438,
  "summary_bg_median": 46.38953399658203,
  "summary_bg_n": 158859.0,
  "summary_bg_p05": 3.762100982666016,
  "summary_bg_p95": 2818.0984863281255,
  "summary_bg_stdv": 1516.32470703125,
  "summary_fg_k": 1.6375640733946772,
  "summary_fg_mad": 4180.176685124338,
  "summary_fg_mean": 24734.509765625,
  "summary_fg_median": 24185.109375,
  "summary_fg_n": 32493.0,
  "summary_fg_p05": 18421.79453125,
  "summary_fg_p95": 32668.87187499999,
  "summary_fg_stdv": 4556.6201171875,
  "tsnr": 87.34384155273438
}