{
  "aor": 0.0025282083333333333,
  "aqi": 0.008598087083333334,
  "bids_meta": {
    "AcquisitionNumber": 4,
    "BidsifyVersion": "0.3.5",
    "ConversionSoftware": "dcm2niix",
    "ConversionSoftwareVersion": "v1.0.20181125  GCC6.3.0",
    "EchoTime": 0.02763,
    "EffectiveEchoSpacing": 0.0006909035636805814,
    "FlipAngle": 76.1,
    "ImageComments": "PIOP2",
    "ImageOrientationPatientDICOM": [
      0.999252,
      0.0335313,
      -0.0192358,
      -0.0352439,
      0.994664,
      -0.0969651
    ],
    "Manufacturer": "Philips",
    "NumberOfVolumesDiscardedByScanner": 2,
    "ParallelAcquisitionTechnique": "SENSE",
    "ParallelReductionFactorInPlane": 2,
    "PatientPosition": "HFS",
    "PhaseEncodingDirection": "j",
    "PhilipsRescaleIntercept": 0,
    "PhilipsRescaleSlope": 0.82808,
    "PhilipsScaleSlope": 0.0550946,
    "ProtocolName": "WIPtask-rest_boldSENSE",
    "PulseSequenceType": "gradient echo EPI",
    "ReconMatrixPE": 80,
    "RepetitionTime": 2,
    "SeriesDescription": "ImageMRSERIES",
    "SeriesNumber": 4,
    "SliceEncodingDirection": "k",
    "SliceTiming": [
      0.0,
      0.0556,
      0.1111,
      0.1667,
      0.2222,
      0.2778,
      0.3333,
      0.3889,
      0.4444,
      0.5,
      0.5556,
      0.6111,
      0.6667,
      0.7222,
      0.7778,
      0.8333,
      0.8889,
      0.9444,
      1.0,
      1.0556,
      1.1111,
      1.1667,
      1.2222,
      1.2778,
      1.3333,
      1.3889,
      1.4444,
      1.5,
      1.5556,
      1.6111,
      1.6667,
      1.7222,
      1.7778,
      1.8333,
      1.8889,
      1.9444
    ],
    "TaskName": "restingstate",
    "TotalReadoutTime": 0.026945238983542674,
    "UsePhilipsFloatNotDisplayScaling": 1,
    "WaterFatShift": 12,
    "acq_id": "seq",
    "dataset": "ds002790",
    "modality": "bold",
    "subject_id": "0158",
    "task_id": "restingstate"
  },
  "dummy_trs": 0,
  "dvars_nstd": 20.090144791589957,
  "dvars_std": 1.2797378451882846,
  "dvars_vstd": 1.0036804550627614,
  "efc": 0.43053289185806576,
  "fber": 230319.5,
  "fd_mean": 0.16718964189780222,
  "fd_num": 70,
  "fd_perc": 29.166666666666668,
  "fwhm_avg": 1.9539100086036196,
  "fwhm_x": 1.94566,
  "fwhm_y": 2.1298033333333333,
  "fwhm_z": 1.7862666924775252,
  "gcor": 0.0602626,
  "gsr_x": -0.014521992765367031,
  "gsr_y": 0.014008702710270882,
  "provenance": {
    "md5sum": "0092b80a2813f333112c79c3a17eca07",
    "settings": {
      "fd_thres": 0.2,
      "testing": false
    },
    "software": "mriqc",
    "version": "22.0.0rc1",
    "webapi_port": null,
    "webapi_url": "https://mriqc.nimh.nih.gov/api/v1"
  },
  "size_t": 240,
  "size_x": 80,
  "size_y": 80,
  "size_z": 36,
  "snr": 6.827755124086944,
  "spacing_tr": 2.0,
  "spacing_x": 3.0,
  "spacing_y": 3.0,
  "spacing_z": 3.299999952316284,
  "summary_bg_k": 49.41522483167163,
  "summary_bg_mad": 58.752433846756986,
  "summary_bg_mean": 755.8670654296875,
  "summary_bg_median": 54.47840118408203,
  "summary_bg_n": 156647.0,
  "summary_bg_p05": 4.8754478931427006,
  "summary_bg_p95": 4519.311523437494,
  "summary_bg_stdv": 2129.90771484375,
  "summary_fg_k": 3.1469921155846237,
  "summary_fg_mad": 3347.209060580496,
  "summary_fg_mean": 26883.84375,
  "summary_fg_median": 26589.689453125,
  "summary_fg_n": 33181.0,
  "summary_fg_p05": 21276.9765625,
  "summary_fg_p95": 33233.85546875,
  "summary_fg_stdv": 3894.29443359375,
  "tsnr": 74.0584716796875
}