{
  "aor": 0.004113851851851852,
  "aqi": 0.003631155925925926,
  "bids_meta": {
    "AcquisitionNumber": 8,
    "BidsifyVersion": "0.3.5",
    "ConversionSoftware": "dcm2niix",
    "ConversionSoftwareVersion": "v1.0.20181125  GCC6.3.0",
    "EchoTime": 0.02763,
    "EffectiveEchoSpacing": 0.0006909035636805814,
    "FlipAngle": 76.1,
    "ImageComments": "PIOP2",
    "ImageOrientationPatientDICOM": [
      0.999252,
      0.0335313,
      -0.0192358,
      -0.0352439,
      0.994664,
      -0.0969651
    ],
    "Manufacturer": "Philips",
    "NumberOfVolumesDiscardedByScanner": 2,
    "ParallelAcquisitionTechnique": "SENSE",
    "ParallelReductionFactorInPlane": 2,
    "PatientPosition": "HFS",
    "PhaseEncodingDirection": "j",
    "PhilipsRescaleIntercept": 0,
    "PhilipsRescaleSlope": 0.76947,
    "PhilipsScaleSlope": 0.0608221,
    "ProtocolName": "WIPtask-harriri_boldSENSE",
    "PulseSequenceType": "gradient echo EPI",
    "ReconMatrixPE": 80,
    "RepetitionTime": 2,
    "SeriesDescription": "ImageMRSERIES",
    "SeriesNumber": 8,
    "SliceEncodingDirection": "k",
    "SliceTiming": [
      0.0,
      0.0556,
      0.1111,
      0.1667,
      0.2222,
      0.2778,
      0.3333,
      0.3889,
      0.4444,
      0.5,
      0.5556,
      0.6111,
      0.6667,
      0.7222,
      0.7778,
      0.8333,
      0.8889,
      0.9444,
      1.0,
      1.0556,
      1.1111,
      1.1667,
      1.2222,
      1.2778,
      1.3333,
      1.3889,
      1.4444,
      1.5,
      1.5556,
      1.6111,
      1.6667,
      1.7222,
      1.7778,
      1.8333,
      1.8889,
      1.9444
    ],
    "TaskName": "emomatching",
    "TotalReadoutTime": 0.026945238983542674,
    "UsePhilipsFloatNotDisplayScaling": 1,
    "WaterFatShift": 12,
    "acq_id": "seq",
    "dataset": "ds002790",
    "modality": "bold",
    "subject_id": "0158",
    "task_id": "emomatching"
  },
  "dummy_trs": 0,
  "dvars_nstd": 18.120901222014933,
  "dvars_std": 1.370189564104478,
  "dvars_vstd": 1.046860101268657,
  "efc": 0.43251935481441633,
  "fber": 228899.875,
  "fd_mean": 0.10623851373527525,
  "fd_num": 5,
  "fd_perc": 3.7037037037037037,
  "fwhm_avg": 1.961559301626937,
  "fwhm_x": 1.93595,
  "fwhm_y": 2.14294,
  "fwhm_z": 1.8057879048808114,
  "gcor": 0.0505903,
  "gsr_x": -0.014411067590117455,
  "gsr_y": 0.011431263759732246,
  "provenance": {
    "md5sum": "f5b1271b9ec5e65c40ea4572bd36b714",
    "settings": {
      "fd_thres": 0.2,
      "testing": false
    },
    "software": "mriqc",
    "version": "22.0.0rc1",
    "webapi_port": null,
    "webapi_url": "https://mriqc.nimh.nih.gov/api/v1"
  },
  "size_t": 135,
  "size_x": 80,
  "size_y": 80,
  "size_z": 36,
  "snr": 6.829634479695162,
  "spacing_tr": 2.0,
  "spacing_x": 3.0,
  "spacing_y": 3.0,
  "spacing_z": 3.299999952316284,
  "summary_bg_k": 42.15407039976039,
  "summary_bg_mad": 57.17026057814954,
  "summary_bg_mean": 757.33251953125,
  "summary_bg_median": 53.473018646240234,
  "summary_bg_n": 156498.0,
  "summary_bg_p05": 4.9599075555801395,
  "summary_bg_p95": 4578.584912109374,
  "summary_bg_stdv": 2110.500244140625,
  "summary_fg_k": 2.979790651619914,
  "summary_fg_mad": 3334.9761444240958,
  "summary_fg_mean": 26380.818359375,
  "summary_fg_median": 26105.19140625,
  "summary_fg_n": 33390.0,
  "summary_fg_p05": 20865.48525390625,
  "summary_fg_p95": 32545.2556640625,
  "summary_fg_stdv": 3822.28369140625,
  "tsnr": 103.6357192993164
}