{
  "bids_meta": {
    "AcquisitionNumber": 2,
    "BidsifyVersion": "0.3.5",
    "ConversionSoftware": "dcm2niix",
    "ConversionSoftwareVersion": "v1.0.20181125  GCC6.3.0",
    "EchoTime": 0.00375,
    "ImageComments": "PIOP2",
    "ImageOrientationPatientDICOM": [
      0.999749,
      0.0130155,
      -0.0182413,
      -0.013611,
      0.999366,
      -0.0329099
    ],
    "Manufacturer": "Philips",
    "NumberSignalAcquisitions": 2,
    "PatientPosition": "HFS",
    "PhilipsRescaleIntercept": 0,
    "PhilipsRescaleSlope": 8.91599,
    "PhilipsScaleSlope": 0.00719035,
    "ProtocolName": "WIPT1anat_acq-6m_T1wSENSE",
    "ReconMatrixPE": 240,
    "RepetitionTime": 0.008192,
    "SeriesDescription": "ImageMRSERIES",
    "SeriesNumber": 2,
    "UsePhilipsFloatNotDisplayScaling": 1,
    "dataset": "ds002790",
    "modality": "T1w",
    "subject_id": "0158"
  },
  "cjv": 0.29258357135374713,
  "cnr": 4.031680570074103,
  "efc": 0.7870568300132628,
  "fber": 1268.6820068359375,
  "fwhm_avg": 4.635929999999999,
  "fwhm_x": 4.37102,
  "fwhm_y": 4.66636,
  "fwhm_z": 4.87041,
  "icvs_csf": 0.2402029705626381,
  "icvs_gm": 0.409328037189029,
  "icvs_wm": 0.3504689922483329,
  "inu_med": 0.520769476890564,
  "inu_range": 0.20677701830863954,
  "provenance": {
    "md5sum": "0994c002f543fb0dcc52f7f134b9a955",
    "settings": {
      "testing": false
    },
    "software": "mriqc",
    "version": "22.0.0rc1",
    "warnings": {
      "large_rot_frame": true,
      "small_air_mask": true
    },
    "webapi_port": null,
    "webapi_url": "https://mriqc.nimh.nih.gov/api/v1"
  },
  "qi_1": 0.0,
  "qi_2": 8.742818868445373e-05,
  "rpve_csf": 25.634126626100482,
  "rpve_gm": 15.159322807648039,
  "rpve_wm": 22.343846426671394,
  "size_x": 240,
  "size_y": 240,
  "size_z": 220,
  "snr_csf": 3.040542884651791,
  "snr_gm": 8.460370315624942,
  "snr_total": 11.395611873125207,
  "snr_wm": 22.685922419098887,
  "snrd_csf": 22.164564618107537,
  "snrd_gm": 38.33778120720358,
  "snrd_total": 40.02796045790542,
  "snrd_wm": 59.58153554840516,
  "spacing_x": 1.0,
  "spacing_y": 1.0,
  "spacing_z": 1.0,
  "summary_bg_k": 79.03243426219669,
  "summary_bg_mad": 10.995667881215596,
  "summary_bg_mean": 11.963106155395508,
  "summary_bg_median": 7.688485622406006,
  "summary_bg_n": 131015.0,
  "summary_bg_p05": 0.0,
  "summary_bg_p95": 29.94970607757568,
  "summary_bg_stdv": 9.691998481750488,
  "summary_csf_k": -0.6341788219883777,
  "summary_csf_mad": 122.26097670245171,
  "summary_csf_mean": 346.33837890625,
  "summary_csf_median": 372.0052795410156,
  "summary_csf_n": 12922.0,
  "summary_csf_p05": 122.50445976257325,
  "summary_csf_p95": 505.0469985961914,
  "summary_csf_stdv": 122.34357452392578,
  "summary_gm_k": 0.4931699812962793,
  "summary_gm_mad": 69.17392662916487,
  "summary_gm_mean": 649.9527587890625,
  "summary_gm_median": 643.4530639648438,
  "summary_gm_n": 26547.0,
  "summary_gm_p05": 537.4779541015625,
  "summary_gm_p95": 790.5594421386719,
  "summary_gm_stdv": 76.05352020263672,
  "summary_wm_k": 1.8013364963337688,
  "summary_wm_mad": 35.14692074427681,
  "summary_wm_mean": 994.6619262695312,
  "summary_wm_median": 1000.003662109375,
  "summary_wm_n": 190711.0,
  "summary_wm_p05": 909.5936584472656,
  "summary_wm_p95": 1056.1904907226562,
  "summary_wm_stdv": 44.08024597167969,
  "tpm_overlap_csf": 0.16675502061843872,
  "tpm_overlap_gm": 0.46458157896995544,
  "tpm_overlap_wm": 0.5175561904907227,
  "wm2max": 0.6548139959237881
}