{
  "aor": 0.013148071748878921,
  "aqi": 0.006275046457399103,
  "bids_meta": {
    "AcquisitionNumber": 7,
    "BidsifyVersion": "0.3.5",
    "ConversionSoftware": "dcm2niix",
    "ConversionSoftwareVersion": "v1.0.20181125  GCC6.3.0",
    "EchoTime": 0.02763,
    "FlipAngle": 76.1,
    "ImageComments": "PIOP2",
    "ImageOrientationPatientDICOM": [
      0.999145,
      0.00891429,
      0.0403733,
      -0.0118586,
      0.99724,
      0.0732864
    ],
    "Manufacturer": "Philips",
    "NumberOfVolumesDiscardedByScanner": 2,
    "ParallelAcquisitionTechnique": "SENSE",
    "ParallelReductionFactorInPlane": 2,
    "PatientPosition": "HFS",
    "PhaseEncodingDirection": "j",
    "PhilipsRescaleIntercept": 0,
    "PhilipsRescaleSlope": 0.73993,
    "PhilipsScaleSlope": 0.0520524,
    "ProtocolName": "WIPtask-stop_boldSENSE",
    "PulseSequenceType": "gradient echo EPI",
    "ReconMatrixPE": 80,
    "RepetitionTime": 2,
    "SeriesDescription": "ImageMRSERIES",
    "SeriesNumber": 7,
    "SliceEncodingDirection": "k",
    "TaskName": "stopsignal",
    "UsePhilipsFloatNotDisplayScaling": 1,
    "WaterFatShift": 12,
    "acq_id": "seq",
    "dataset": "ds002790",
    "modality": "bold",
    "subject_id": "0207",
    "task_id": "stopsignal"
  },
  "dummy_trs": 1,
  "dvars_nstd": 17.463722868918918,
  "dvars_std": 1.2685675761261266,
  "dvars_vstd": 1.0883293373423426,
  "efc": 0.4504590628875802,
  "fber": 243865.953125,
  "fd_mean": 0.13896237878993947,
  "fd_num": 10,
  "fd_perc": 4.484304932735426,
  "fwhm_avg": 2.0139006338397576,
  "fwhm_x": 1.9515565115708897,
  "fwhm_y": 2.2304001772562803,
  "fwhm_z": 1.859745212692103,
  "gcor": 0.0187811,
  "gsr_x": -0.014916141517460346,
  "gsr_y": 0.02032286860048771,
  "provenance": {
    "md5sum": "a4ed2d0cf24954ff478287951fb04cb1",
    "settings": {
      "fd_thres": 0.2,
      "testing": false
    },
    "software": "mriqc",
    "version": "23.0.1",
    "webapi_port": null,
    "webapi_url": "https://mriqc.nimh.nih.gov/api/v1"
  },
  "size_t": 223,
  "size_x": 80,
  "size_y": 80,
  "size_z": 36,
  "snr": 5.675949059476892,
  "spacing_tr": 2.0,
  "spacing_x": 3.000000238418579,
  "spacing_y": 2.999999761581421,
  "spacing_z": 3.3000004291534424,
  "summary_bg_k": 49.994515582693225,
  "summary_bg_mad": 58.47078246495529,
  "summary_bg_mean": 744.7820434570312,
  "summary_bg_median": 52.245994567871094,
  "summary_bg_n": 151127.0,
  "summary_bg_p05": 5.139042949676513,
  "summary_bg_p95": 4375.748925781248,
  "summary_bg_stdv": 2021.6458740234375,
  "summary_fg_k": 3.5283151310733594,
  "summary_fg_mad": 4010.9211363494132,
  "summary_fg_mean": 26963.791015625,
  "summary_fg_median": 26438.1484375,
  "summary_fg_n": 37966.0,
  "summary_fg_p05": 20662.88037109375,
  "summary_fg_p95": 34341.7431640625,
  "summary_fg_stdv": 4657.8642578125,
  "tsnr": 81.15196228027344
}