{
  "aor": 0.0022964375000000003,
  "aqi": 0.0038583978125,
  "bids_meta": {
    "AcquisitionNumber": 3,
    "BidsifyVersion": "0.3.5",
    "ConversionSoftware": "dcm2niix",
    "ConversionSoftwareVersion": "v1.0.20181125  GCC6.3.0",
    "EchoTime": 0.02763,
    "FlipAngle": 76.1,
    "ImageComments": "PIOP2",
    "ImageOrientationPatientDICOM": [
      0.999145,
      0.00891429,
      0.0403733,
      -0.0118586,
      0.99724,
      0.0732864
    ],
    "Manufacturer": "Philips",
    "NumberOfVolumesDiscardedByScanner": 2,
    "ParallelAcquisitionTechnique": "SENSE",
    "ParallelReductionFactorInPlane": 2,
    "PatientPosition": "HFS",
    "PhaseEncodingDirection": "j",
    "PhilipsRescaleIntercept": 0,
    "PhilipsRescaleSlope": 0.76239,
    "PhilipsScaleSlope": 0.0516258,
    "ProtocolName": "WIPtask-wm_boldSENSE",
    "PulseSequenceType": "gradient echo EPI",
    "ReconMatrixPE": 80,
    "RepetitionTime": 2,
    "SeriesDescription": "ImageMRSERIES",
    "SeriesNumber": 3,
    "SliceEncodingDirection": "k",
    "TaskName": "workingmemory",
    "UsePhilipsFloatNotDisplayScaling": 1,
    "WaterFatShift": 12,
    "acq_id": "seq",
    "dataset": "ds002790",
    "modality": "bold",
    "subject_id": "0207",
    "task_id": "workingmemory"
  },
  "dummy_trs": 0,
  "dvars_nstd": 19.125009644905653,
  "dvars_std": 1.296732474528301,
  "dvars_vstd": 0.9990450645911944,
  "efc": 0.4512010206424281,
  "fber": 230265.640625,
  "fd_mean": 0.11304730248012819,
  "fd_num": 11,
  "fd_perc": 6.875,
  "fwhm_avg": 1.975660837677341,
  "fwhm_x": 1.908983181620981,
  "fwhm_y": 2.1954935078154807,
  "fwhm_z": 1.8225058235955611,
  "gcor": 0.033028,
  "gsr_x": -0.014955618418753147,
  "gsr_y": 0.018704203888773918,
  "provenance": {
    "md5sum": "b4a027ab05188754fbd5a8948d1a1a1c",
    "settings": {
      "fd_thres": 0.2,
      "testing": false
    },
    "software": "mriqc",
    "version": "23.0.1",
    "webapi_port": null,
    "webapi_url": "https://mriqc.nimh.nih.gov/api/v1"
  },
  "size_t": 160,
  "size_x": 80,
  "size_y": 80,
  "size_z": 36,
  "snr": 5.827269550103038,
  "spacing_tr": 2.0,
  "spacing_x": 3.000000238418579,
  "spacing_y": 2.999999761581421,
  "spacing_z": 3.3000004291534424,
  "summary_bg_k": 47.249813089334474,
  "summary_bg_mad": 60.40744447954711,
  "summary_bg_mean": 732.0372924804688,
  "summary_bg_median": 54.080352783203125,
  "summary_bg_n": 150824.0,
  "summary_bg_p05": 4.851984119415285,
  "summary_bg_p95": 4212.703295898437,
  "summary_bg_stdv": 2004.1385498046875,
  "summary_fg_k": 3.3771487523510046,
  "summary_fg_mad": 3938.744180104567,
  "summary_fg_mean": 27101.8984375,
  "summary_fg_median": 26607.029296875,
  "summary_fg_n": 38207.0,
  "summary_fg_p05": 20874.761328125,
  "summary_fg_p95": 34296.345703125,
  "summary_fg_stdv": 4565.8916015625,
  "tsnr": 97.59121704101562
}