{
  "aor": 0.003324394618834081,
  "aqi": 0.004929178968609865,
  "bids_meta": {
    "AcquisitionNumber": 7,
    "BidsifyVersion": "0.3.5",
    "ConversionSoftware": "dcm2niix",
    "ConversionSoftwareVersion": "v1.0.20181125  GCC6.3.0",
    "EchoTime": 0.02763,
    "EffectiveEchoSpacing": 0.0006909035636805814,
    "FlipAngle": 76.1,
    "ImageComments": "PIOP2",
    "ImageOrientationPatientDICOM": [
      0.998021,
      0.0607932,
      -0.0160613,
      -0.0568465,
      0.981513,
      0.182758
    ],
    "Manufacturer": "Philips",
    "NumberOfVolumesDiscardedByScanner": 2,
    "ParallelAcquisitionTechnique": "SENSE",
    "ParallelReductionFactorInPlane": 2,
    "PatientPosition": "HFS",
    "PhaseEncodingDirection": "j",
    "PhilipsRescaleIntercept": 0,
    "PhilipsRescaleSlope": 0.79976,
    "PhilipsScaleSlope": 0.0456748,
    "ProtocolName": "WIPtask-stop_boldSENSE",
    "PulseSequenceType": "gradient echo EPI",
    "ReconMatrixPE": 80,
    "RepetitionTime": 2,
    "SeriesDescription": "ImageMRSERIES",
    "SeriesNumber": 7,
    "SliceEncodingDirection": "k",
    "SliceTiming": [
      0.0,
      0.0556,
      0.1111,
      0.1667,
      0.2222,
      0.2778,
      0.3333,
      0.3889,
      0.4444,
      0.5,
      0.5556,
      0.6111,
      0.6667,
      0.7222,
      0.7778,
      0.8333,
      0.8889,
      0.9444,
      1.0,
      1.0556,
      1.1111,
      1.1667,
      1.2222,
      1.2778,
      1.3333,
      1.3889,
      1.4444,
      1.5,
      1.5556,
      1.6111,
      1.6667,
      1.7222,
      1.7778,
      1.8333,
      1.8889,
      1.9444
    ],
    "TaskName": "stopsignal",
    "TotalReadoutTime": 0.026945238983542674,
    "UsePhilipsFloatNotDisplayScaling": 1,
    "WaterFatShift": 12,
    "acq_id": "seq",
    "dataset": "ds002790",
    "modality": "bold",
    "subject_id": "0067",
    "task_id": "stopsignal"
  },
  "dummy_trs": 0,
  "dvars_nstd": 22.3821730051802,
  "dvars_std": 1.347154368873874,
  "dvars_vstd": 0.9985744462612618,
  "efc": 0.44158988310998387,
  "fber": 239333.765625,
  "fd_mean": 0.1663560487953976,
  "fd_num": 41,
  "fd_perc": 18.385650224215247,
  "fwhm_avg": 2.125261314756651,
  "fwhm_x": 2.07651,
  "fwhm_y": 2.291316484569193,
  "fwhm_z": 2.0079574597007603,
  "gcor": 0.0188391,
  "gsr_x": -0.020173875615000725,
  "gsr_y": 0.020196538418531418,
  "provenance": {
    "md5sum": "968f1d647ae62a086e3fc71e63cbc94a",
    "settings": {
      "fd_thres": 0.2,
      "testing": false
    },
    "software": "mriqc",
    "version": "22.0.0rc1",
    "webapi_port": null,
    "webapi_url": "https://mriqc.nimh.nih.gov/api/v1"
  },
  "size_t": 223,
  "size_x": 80,
  "size_y": 80,
  "size_z": 36,
  "snr": 5.033144569580019,
  "spacing_tr": 2.0,
  "spacing_x": 3.0,
  "spacing_y": 3.000000238418579,
  "spacing_z": 3.3000001907348633,
  "summary_bg_k": 43.40630687321977,
  "summary_bg_mad": 64.05996869417734,
  "summary_bg_mean": 559.0259399414062,
  "summary_bg_median": 57.92591094970703,
  "summary_bg_n": 150309.0,
  "summary_bg_p05": 4.59700517654419,
  "summary_bg_p95": 2691.4857421875026,
  "summary_bg_stdv": 1510.3927001953125,
  "summary_fg_k": 1.94750732764797,
  "summary_fg_mad": 4903.247868075183,
  "summary_fg_mean": 29828.751953125,
  "summary_fg_median": 29067.19921875,
  "summary_fg_n": 39378.0,
  "summary_fg_p05": 21910.0634765625,
  "summary_fg_p95": 40304.4380859375,
  "summary_fg_stdv": 5775.08349609375,
  "tsnr": 82.48323059082031
}