{
  "aor": 0.005000208333333333,
  "aqi": 0.003432340875,
  "bids_meta": {
    "AcquisitionNumber": 4,
    "BidsifyVersion": "0.3.5",
    "ConversionSoftware": "dcm2niix",
    "ConversionSoftwareVersion": "v1.0.20181125  GCC6.3.0",
    "EchoTime": 0.02763,
    "EffectiveEchoSpacing": 0.0006909035636805814,
    "FlipAngle": 76.1,
    "ImageComments": "PIOP2",
    "ImageOrientationPatientDICOM": [
      0.998021,
      0.0607932,
      -0.0160613,
      -0.0568465,
      0.981513,
      0.182758
    ],
    "Manufacturer": "Philips",
    "NumberOfVolumesDiscardedByScanner": 2,
    "ParallelAcquisitionTechnique": "SENSE",
    "ParallelReductionFactorInPlane": 2,
    "PatientPosition": "HFS",
    "PhaseEncodingDirection": "j",
    "PhilipsRescaleIntercept": 0,
    "PhilipsRescaleSlope": 0.84469,
    "PhilipsScaleSlope": 0.0440025,
    "ProtocolName": "WIPtask-rest_boldSENSE",
    "PulseSequenceType": "gradient echo EPI",
    "ReconMatrixPE": 80,
    "RepetitionTime": 2,
    "SeriesDescription": "ImageMRSERIES",
    "SeriesNumber": 4,
    "SliceEncodingDirection": "k",
    "SliceTiming": [
      0.0,
      0.0556,
      0.1111,
      0.1667,
      0.2222,
      0.2778,
      0.3333,
      0.3889,
      0.4444,
      0.5,
      0.5556,
      0.6111,
      0.6667,
      0.7222,
      0.7778,
      0.8333,
      0.8889,
      0.9444,
      1.0,
      1.0556,
      1.1111,
      1.1667,
      1.2222,
      1.2778,
      1.3333,
      1.3889,
      1.4444,
      1.5,
      1.5556,
      1.6111,
      1.6667,
      1.7222,
      1.7778,
      1.8333,
      1.8889,
      1.9444
    ],
    "TaskName": "restingstate",
    "TotalReadoutTime": 0.026945238983542674,
    "UsePhilipsFloatNotDisplayScaling": 1,
    "WaterFatShift": 12,
    "acq_id": "seq",
    "dataset": "ds002790",
    "modality": "bold",
    "subject_id": "0067",
    "task_id": "restingstate"
  },
  "dummy_trs": 0,
  "dvars_nstd": 21.640929872887035,
  "dvars_std": 1.409776648158996,
  "dvars_vstd": 1.046565730209205,
  "efc": 0.43841695506297784,
  "fber": 241674.5,
  "fd_mean": 0.14812000413378212,
  "fd_num": 37,
  "fd_perc": 15.416666666666666,
  "fwhm_avg": 2.1094607092785203,
  "fwhm_x": 2.0535,
  "fwhm_y": 2.2757398191404485,
  "fwhm_z": 1.9991423086951108,
  "gcor": 0.0292181,
  "gsr_x": -0.01943693496286869,
  "gsr_y": 0.01889069750905037,
  "provenance": {
    "md5sum": "0b3cf5d6b29c7a74e0d2cd41cc9d5d75",
    "settings": {
      "fd_thres": 0.2,
      "testing": false
    },
    "software": "mriqc",
    "version": "22.0.0rc1",
    "webapi_port": null,
    "webapi_url": "https://mriqc.nimh.nih.gov/api/v1"
  },
  "size_t": 240,
  "size_x": 80,
  "size_y": 80,
  "size_z": 36,
  "snr": 5.089766224935465,
  "spacing_tr": 2.0,
  "spacing_x": 3.0,
  "spacing_y": 3.000000238418579,
  "spacing_z": 3.3000001907348633,
  "summary_bg_k": 45.01258156302134,
  "summary_bg_mad": 64.4851583717423,
  "summary_bg_mean": 545.3702392578125,
  "summary_bg_median": 57.86321258544922,
  "summary_bg_n": 150954.0,
  "summary_bg_p05": 4.049587869644165,
  "summary_bg_p95": 2612.732360839848,
  "summary_bg_stdv": 1473.4232177734375,
  "summary_fg_k": 1.8366164200084594,
  "summary_fg_mad": 4841.502697947848,
  "summary_fg_mean": 29968.70703125,
  "summary_fg_median": 29168.70703125,
  "summary_fg_n": 38876.0,
  "summary_fg_p05": 22140.90283203125,
  "summary_fg_p95": 40430.826171875,
  "summary_fg_stdv": 5730.7802734375,
  "tsnr": 93.3641357421875
}