{
  "aor": 0.0027713750000000004,
  "aqi": 0.005428136375000001,
  "bids_meta": {
    "AcquisitionNumber": 3,
    "BidsifyVersion": "0.3.5",
    "ConversionSoftware": "dcm2niix",
    "ConversionSoftwareVersion": "v1.0.20181125  GCC6.3.0",
    "EchoTime": 0.02763,
    "EffectiveEchoSpacing": 0.0006909035636805814,
    "FlipAngle": 76.1,
    "ImageComments": "PIOP2",
    "ImageOrientationPatientDICOM": [
      0.998021,
      0.0607932,
      -0.0160613,
      -0.0568465,
      0.981513,
      0.182758
    ],
    "Manufacturer": "Philips",
    "NumberOfVolumesDiscardedByScanner": 2,
    "ParallelAcquisitionTechnique": "SENSE",
    "ParallelReductionFactorInPlane": 2,
    "PatientPosition": "HFS",
    "PhaseEncodingDirection": "j",
    "PhilipsRescaleIntercept": 0,
    "PhilipsRescaleSlope": 0.7956,
    "PhilipsScaleSlope": 0.046951,
    "ProtocolName": "WIPtask-wm_boldSENSE",
    "PulseSequenceType": "gradient echo EPI",
    "ReconMatrixPE": 80,
    "RepetitionTime": 2,
    "SeriesDescription": "ImageMRSERIES",
    "SeriesNumber": 3,
    "SliceEncodingDirection": "k",
    "SliceTiming": [
      0.0,
      0.0556,
      0.1111,
      0.1667,
      0.2222,
      0.2778,
      0.3333,
      0.3889,
      0.4444,
      0.5,
      0.5556,
      0.6111,
      0.6667,
      0.7222,
      0.7778,
      0.8333,
      0.8889,
      0.9444,
      1.0,
      1.0556,
      1.1111,
      1.1667,
      1.2222,
      1.2778,
      1.3333,
      1.3889,
      1.4444,
      1.5,
      1.5556,
      1.6111,
      1.6667,
      1.7222,
      1.7778,
      1.8333,
      1.8889,
      1.9444
    ],
    "TaskName": "workingmemory",
    "TotalReadoutTime": 0.026945238983542674,
    "UsePhilipsFloatNotDisplayScaling": 1,
    "WaterFatShift": 12,
    "acq_id": "seq",
    "dataset": "ds002790",
    "modality": "bold",
    "subject_id": "0067",
    "task_id": "workingmemory"
  },
  "dummy_trs": 0,
  "dvars_nstd": 22.728464714402513,
  "dvars_std": 1.327101424088051,
  "dvars_vstd": 0.9843150454088049,
  "efc": 0.4404628998646538,
  "fber": 240769.140625,
  "fd_mean": 0.16140671658439795,
  "fd_num": 35,
  "fd_perc": 21.875,
  "fwhm_avg": 2.122922123061253,
  "fwhm_x": 2.0841833333333333,
  "fwhm_y": 2.299516483917516,
  "fwhm_z": 1.9850665519329098,
  "gcor": 0.0127027,
  "gsr_x": -0.019943436607718468,
  "gsr_y": 0.019867578521370888,
  "provenance": {
    "md5sum": "a595c5f747afaa0f604e6578b37f8f66",
    "settings": {
      "fd_thres": 0.2,
      "testing": false
    },
    "software": "mriqc",
    "version": "22.0.0rc1",
    "webapi_port": null,
    "webapi_url": "https://mriqc.nimh.nih.gov/api/v1"
  },
  "size_t": 160,
  "size_x": 80,
  "size_y": 80,
  "size_z": 36,
  "snr": 4.999989800489996,
  "spacing_tr": 2.0,
  "spacing_x": 3.0,
  "spacing_y": 3.000000238418579,
  "spacing_z": 3.3000001907348633,
  "summary_bg_k": 45.22110858053557,
  "summary_bg_mad": 63.06207792904735,
  "summary_bg_mean": 540.3253173828125,
  "summary_bg_median": 57.558937072753906,
  "summary_bg_n": 150340.0,
  "summary_bg_p05": 4.256868672370911,
  "summary_bg_p95": 2582.3801635741993,
  "summary_bg_stdv": 1462.935302734375,
  "summary_fg_k": 1.8999507053700437,
  "summary_fg_mad": 4965.980474445701,
  "summary_fg_mean": 29788.46875,
  "summary_fg_median": 29018.6640625,
  "summary_fg_n": 39346.0,
  "summary_fg_p05": 21787.23193359375,
  "summary_fg_p95": 40382.30859375,
  "summary_fg_stdv": 5803.6708984375,
  "tsnr": 80.66483306884766
}