{
  "aor": 0.0013346249999999999,
  "aqi": 0.005756608833333333,
  "bids_meta": {
    "AcquisitionNumber": 4,
    "BidsifyVersion": "0.3.5",
    "ConversionSoftware": "dcm2niix",
    "ConversionSoftwareVersion": "v1.0.20181125  GCC6.3.0",
    "EchoTime": 0.02763,
    "EffectiveEchoSpacing": 0.0006909035636805814,
    "FlipAngle": 76.1,
    "ImageComments": "PIOP2",
    "ImageOrientationPatientDICOM": [
      0.999991,
      0.00427185,
      0.000627473,
      -0.00418878,
      0.995081,
      -0.0989759
    ],
    "Manufacturer": "Philips",
    "NumberOfVolumesDiscardedByScanner": 2,
    "ParallelAcquisitionTechnique": "SENSE",
    "ParallelReductionFactorInPlane": 2,
    "PatientPosition": "HFS",
    "PhaseEncodingDirection": "j",
    "PhilipsRescaleIntercept": 0,
    "PhilipsRescaleSlope": 0.75702,
    "PhilipsScaleSlope": 0.0678813,
    "ProtocolName": "WIPtask-rest_boldSENSE",
    "PulseSequenceType": "gradient echo EPI",
    "ReconMatrixPE": 80,
    "RepetitionTime": 2,
    "SeriesDescription": "ImageMRSERIES",
    "SeriesNumber": 4,
    "SliceEncodingDirection": "k",
    "SliceTiming": [
      0.0,
      0.0556,
      0.1111,
      0.1667,
      0.2222,
      0.2778,
      0.3333,
      0.3889,
      0.4444,
      0.5,
      0.5556,
      0.6111,
      0.6667,
      0.7222,
      0.7778,
      0.8333,
      0.8889,
      0.9444,
      1.0,
      1.0556,
      1.1111,
      1.1667,
      1.2222,
      1.2778,
      1.3333,
      1.3889,
      1.4444,
      1.5,
      1.5556,
      1.6111,
      1.6667,
      1.7222,
      1.7778,
      1.8333,
      1.8889,
      1.9444
    ],
    "TaskName": "restingstate",
    "TotalReadoutTime": 0.026945238983542674,
    "UsePhilipsFloatNotDisplayScaling": 1,
    "WaterFatShift": 12,
    "acq_id": "seq",
    "dataset": "ds002790",
    "modality": "bold",
    "subject_id": "0053",
    "task_id": "restingstate"
  },
  "dummy_trs": 0,
  "dvars_nstd": 18.75880834322175,
  "dvars_std": 1.2962804027196648,
  "dvars_vstd": 0.979984996527197,
  "efc": 0.4317660279533982,
  "fber": 241092.25,
  "fd_mean": 0.1167037438869543,
  "fd_num": 19,
  "fd_perc": 7.916666666666667,
  "fwhm_avg": 1.87613071567294,
  "fwhm_x": 1.8334633333333334,
  "fwhm_y": 2.00895,
  "fwhm_z": 1.7859788136854866,
  "gcor": 0.028556,
  "gsr_x": -0.016411002725362778,
  "gsr_y": 0.011378368362784386,
  "provenance": {
    "md5sum": "3c3939a99a52f6be25f9e6d2fe7344d0",
    "settings": {
      "fd_thres": 0.2,
      "testing": false
    },
    "software": "mriqc",
    "version": "22.0.0rc1",
    "webapi_port": null,
    "webapi_url": "https://mriqc.nimh.nih.gov/api/v1"
  },
  "size_t": 240,
  "size_x": 80,
  "size_y": 80,
  "size_z": 36,
  "snr": 6.739576894340802,
  "spacing_tr": 2.0,
  "spacing_x": 3.0,
  "spacing_y": 3.0,
  "spacing_z": 3.299999952316284,
  "summary_bg_k": 124.801590674109,
  "summary_bg_mad": 53.019606812596535,
  "summary_bg_mean": 523.3921508789062,
  "summary_bg_median": 47.38103485107422,
  "summary_bg_n": 154370.0,
  "summary_bg_p05": 4.305634856224061,
  "summary_bg_p95": 2518.5185791015624,
  "summary_bg_stdv": 1675.8865966796875,
  "summary_fg_k": 1.9408154040334207,
  "summary_fg_mad": 3366.1440916484808,
  "summary_fg_mean": 24096.400390625,
  "summary_fg_median": 23816.560546875,
  "summary_fg_n": 36021.0,
  "summary_fg_p05": 19104.45703125,
  "summary_fg_p95": 29875.44921875,
  "summary_fg_stdv": 3533.787109375,
  "tsnr": 92.10577392578125
}