{
  "aor": 0.0010089639639639639,
  "aqi": 0.011683483288288289,
  "bids_meta": {
    "AcquisitionNumber": 7,
    "BidsifyVersion": "0.3.5",
    "ConversionSoftware": "dcm2niix",
    "ConversionSoftwareVersion": "v1.0.20181125  GCC6.3.0",
    "EchoTime": 0.02763,
    "EffectiveEchoSpacing": 0.0006909035636805814,
    "FlipAngle": 76.1,
    "ImageComments": "PIOP2",
    "ImageOrientationPatientDICOM": [
      0.999991,
      0.00427185,
      0.000627473,
      -0.00418878,
      0.995081,
      -0.0989759
    ],
    "Manufacturer": "Philips",
    "NumberOfVolumesDiscardedByScanner": 2,
    "ParallelAcquisitionTechnique": "SENSE",
    "ParallelReductionFactorInPlane": 2,
    "PatientPosition": "HFS",
    "PhaseEncodingDirection": "j",
    "PhilipsRescaleIntercept": 0,
    "PhilipsRescaleSlope": 0.77729,
    "PhilipsScaleSlope": 0.0664788,
    "ProtocolName": "WIPtask-stop_boldSENSE",
    "PulseSequenceType": "gradient echo EPI",
    "ReconMatrixPE": 80,
    "RepetitionTime": 2,
    "SeriesDescription": "ImageMRSERIES",
    "SeriesNumber": 7,
    "SliceEncodingDirection": "k",
    "SliceTiming": [
      0.0,
      0.0556,
      0.1111,
      0.1667,
      0.2222,
      0.2778,
      0.3333,
      0.3889,
      0.4444,
      0.5,
      0.5556,
      0.6111,
      0.6667,
      0.7222,
      0.7778,
      0.8333,
      0.8889,
      0.9444,
      1.0,
      1.0556,
      1.1111,
      1.1667,
      1.2222,
      1.2778,
      1.3333,
      1.3889,
      1.4444,
      1.5,
      1.5556,
      1.6111,
      1.6667,
      1.7222,
      1.7778,
      1.8333,
      1.8889,
      1.9444
    ],
    "TaskName": "stopsignal",
    "TotalReadoutTime": 0.026945238983542674,
    "UsePhilipsFloatNotDisplayScaling": 1,
    "WaterFatShift": 12,
    "acq_id": "seq",
    "dataset": "ds002790",
    "modality": "bold",
    "subject_id": "0053",
    "task_id": "stopsignal"
  },
  "dummy_trs": 0,
  "dvars_nstd": 17.28357495855204,
  "dvars_std": 1.1330223238461545,
  "dvars_vstd": 0.9337164890950229,
  "efc": 0.43293024914067707,
  "fber": 266511.28125,
  "fd_mean": 0.11041998539380152,
  "fd_num": 7,
  "fd_perc": 3.1531531531531534,
  "fwhm_avg": 1.8844715236107408,
  "fwhm_x": 1.8597833333333333,
  "fwhm_y": 2.0373433333333333,
  "fwhm_z": 1.7562879041655555,
  "gcor": 0.0163766,
  "gsr_x": -0.01630745455622673,
  "gsr_y": 0.011029776185750961,
  "provenance": {
    "md5sum": "43d0a591a09e55b72ed331cdc28d8dd6",
    "settings": {
      "fd_thres": 0.2,
      "testing": false
    },
    "software": "mriqc",
    "version": "22.0.0rc1",
    "webapi_port": null,
    "webapi_url": "https://mriqc.nimh.nih.gov/api/v1"
  },
  "size_t": 222,
  "size_x": 80,
  "size_y": 80,
  "size_z": 36,
  "snr": 6.776890894376578,
  "spacing_tr": 2.0,
  "spacing_x": 3.0,
  "spacing_y": 3.0,
  "spacing_z": 3.299999952316284,
  "summary_bg_k": 110.74468905157981,
  "summary_bg_mad": 47.6990193658604,
  "summary_bg_mean": 533.2905883789062,
  "summary_bg_median": 45.24944305419922,
  "summary_bg_n": 154216.0,
  "summary_bg_p05": 5.6699758768081665,
  "summary_bg_p95": 2558.6554565429688,
  "summary_bg_stdv": 1687.5863037109375,
  "summary_fg_k": 1.7655028873437741,
  "summary_fg_mad": 3375.4306254663466,
  "summary_fg_mean": 24116.404296875,
  "summary_fg_median": 23858.5078125,
  "summary_fg_n": 36215.0,
  "summary_fg_p05": 19118.776171875,
  "summary_fg_p95": 29946.240039062497,
  "summary_fg_stdv": 3520.519775390625,
  "tsnr": 74.61553192138672
}