{
  "aor": 0.0017440740740740745,
  "aqi": 0.009280259333333334,
  "bids_meta": {
    "AcquisitionNumber": 8,
    "BidsifyVersion": "0.3.5",
    "ConversionSoftware": "dcm2niix",
    "ConversionSoftwareVersion": "v1.0.20181125  GCC6.3.0",
    "EchoTime": 0.02763,
    "EffectiveEchoSpacing": 0.0006909035636805814,
    "FlipAngle": 76.1,
    "ImageComments": "PIOP2",
    "ImageOrientationPatientDICOM": [
      0.999991,
      0.00427185,
      0.000627473,
      -0.00418878,
      0.995081,
      -0.0989759
    ],
    "Manufacturer": "Philips",
    "NumberOfVolumesDiscardedByScanner": 2,
    "ParallelAcquisitionTechnique": "SENSE",
    "ParallelReductionFactorInPlane": 2,
    "PatientPosition": "HFS",
    "PhaseEncodingDirection": "j",
    "PhilipsRescaleIntercept": 0,
    "PhilipsRescaleSlope": 0.75702,
    "PhilipsScaleSlope": 0.0678711,
    "ProtocolName": "WIPtask-harriri_boldSENSE",
    "PulseSequenceType": "gradient echo EPI",
    "ReconMatrixPE": 80,
    "RepetitionTime": 2,
    "SeriesDescription": "ImageMRSERIES",
    "SeriesNumber": 8,
    "SliceEncodingDirection": "k",
    "SliceTiming": [
      0.0,
      0.0556,
      0.1111,
      0.1667,
      0.2222,
      0.2778,
      0.3333,
      0.3889,
      0.4444,
      0.5,
      0.5556,
      0.6111,
      0.6667,
      0.7222,
      0.7778,
      0.8333,
      0.8889,
      0.9444,
      1.0,
      1.0556,
      1.1111,
      1.1667,
      1.2222,
      1.2778,
      1.3333,
      1.3889,
      1.4444,
      1.5,
      1.5556,
      1.6111,
      1.6667,
      1.7222,
      1.7778,
      1.8333,
      1.8889,
      1.9444
    ],
    "TaskName": "emomatching",
    "TotalReadoutTime": 0.026945238983542674,
    "UsePhilipsFloatNotDisplayScaling": 1,
    "WaterFatShift": 12,
    "acq_id": "seq",
    "dataset": "ds002790",
    "modality": "bold",
    "subject_id": "0053",
    "task_id": "emomatching"
  },
  "dummy_trs": 0,
  "dvars_nstd": 17.38965849410448,
  "dvars_std": 1.1735499487313426,
  "dvars_vstd": 0.9492591933582086,
  "efc": 0.4325628951956552,
  "fber": 263038.28125,
  "fd_mean": 0.1256326980513771,
  "fd_num": 15,
  "fd_perc": 11.11111111111111,
  "fwhm_avg": 1.8842415237870263,
  "fwhm_x": 1.83244,
  "fwhm_y": 2.0273966666666667,
  "fwhm_z": 1.7928879046944113,
  "gcor": 0.016615,
  "gsr_x": -0.016086671501398087,
  "gsr_y": 0.011134345084428787,
  "provenance": {
    "md5sum": "d4258b0a499d020fcbd481291d064c14",
    "settings": {
      "fd_thres": 0.2,
      "testing": false
    },
    "software": "mriqc",
    "version": "22.0.0rc1",
    "webapi_port": null,
    "webapi_url": "https://mriqc.nimh.nih.gov/api/v1"
  },
  "size_t": 135,
  "size_x": 80,
  "size_y": 80,
  "size_z": 36,
  "snr": 6.81328322397225,
  "spacing_tr": 2.0,
  "spacing_x": 3.0,
  "spacing_y": 3.0,
  "spacing_z": 3.299999952316284,
  "summary_bg_k": 124.28026817918997,
  "summary_bg_mad": 47.7546415512564,
  "summary_bg_mean": 528.0199584960938,
  "summary_bg_median": 45.073421478271484,
  "summary_bg_n": 154291.0,
  "summary_bg_p05": 5.291631460189819,
  "summary_bg_p95": 2533.4271240234375,
  "summary_bg_stdv": 1692.242431640625,
  "summary_fg_k": 1.8899053464075024,
  "summary_fg_mad": 3285.5999887036887,
  "summary_fg_mean": 23902.7421875,
  "summary_fg_median": 23626.90234375,
  "summary_fg_n": 36082.0,
  "summary_fg_p05": 18982.490625,
  "summary_fg_p95": 29572.011328124994,
  "summary_fg_stdv": 3467.722412109375,
  "tsnr": 79.68218994140625
}