{
  "aor": 0.0024868125,
  "aqi": 0.00396557925,
  "bids_meta": {
    "AcquisitionNumber": 3,
    "BidsifyVersion": "0.3.5",
    "ConversionSoftware": "dcm2niix",
    "ConversionSoftwareVersion": "v1.0.20181125  GCC6.3.0",
    "EchoTime": 0.02763,
    "EffectiveEchoSpacing": 0.0006909035636805814,
    "FlipAngle": 76.1,
    "ImageComments": "PIOP2",
    "ImageOrientationPatientDICOM": [
      0.993933,
      -0.109056,
      0.0142976,
      0.104817,
      0.978554,
      0.177329
    ],
    "Manufacturer": "Philips",
    "NumberOfVolumesDiscardedByScanner": 2,
    "ParallelAcquisitionTechnique": "SENSE",
    "ParallelReductionFactorInPlane": 2,
    "PatientPosition": "HFS",
    "PhaseEncodingDirection": "j",
    "PhilipsRescaleIntercept": 0,
    "PhilipsRescaleSlope": 0.84298,
    "PhilipsScaleSlope": 0.0629959,
    "ProtocolName": "WIPtask-wm_boldSENSE",
    "PulseSequenceType": "gradient echo EPI",
    "ReconMatrixPE": 80,
    "RepetitionTime": 2,
    "SeriesDescription": "ImageMRSERIES",
    "SeriesNumber": 3,
    "SliceEncodingDirection": "k",
    "SliceTiming": [
      0.0,
      0.0556,
      0.1111,
      0.1667,
      0.2222,
      0.2778,
      0.3333,
      0.3889,
      0.4444,
      0.5,
      0.5556,
      0.6111,
      0.6667,
      0.7222,
      0.7778,
      0.8333,
      0.8889,
      0.9444,
      1.0,
      1.0556,
      1.1111,
      1.1667,
      1.2222,
      1.2778,
      1.3333,
      1.3889,
      1.4444,
      1.5,
      1.5556,
      1.6111,
      1.6667,
      1.7222,
      1.7778,
      1.8333,
      1.8889,
      1.9444
    ],
    "TaskName": "workingmemory",
    "TotalReadoutTime": 0.026945238983542674,
    "UsePhilipsFloatNotDisplayScaling": 1,
    "WaterFatShift": 12,
    "acq_id": "seq",
    "dataset": "ds002790",
    "modality": "bold",
    "subject_id": "0199",
    "task_id": "workingmemory"
  },
  "dummy_trs": 0,
  "dvars_nstd": 20.724802304968552,
  "dvars_std": 1.4453856154088047,
  "dvars_vstd": 1.0145621281761001,
  "efc": 0.40933651156092465,
  "fber": 210007.109375,
  "fd_mean": 0.10450726237085586,
  "fd_num": 11,
  "fd_perc": 6.875,
  "fwhm_avg": 1.9757821301659175,
  "fwhm_x": 1.9312533333333333,
  "fwhm_y": 2.1371233333333333,
  "fwhm_z": 1.858969723831086,
  "gcor": 0.0380707,
  "gsr_x": -0.009321664460003376,
  "gsr_y": 0.009369186125695705,
  "provenance": {
    "md5sum": "bda49b8fad4ad5ddfb93ac02c26b7b98",
    "settings": {
      "fd_thres": 0.2,
      "testing": false
    },
    "software": "mriqc",
    "version": "22.0.0rc1",
    "webapi_port": null,
    "webapi_url": "https://mriqc.nimh.nih.gov/api/v1"
  },
  "size_t": 160,
  "size_x": 80,
  "size_y": 80,
  "size_z": 36,
  "snr": 6.845303755939963,
  "spacing_tr": 2.0,
  "spacing_x": 3.0,
  "spacing_y": 3.0,
  "spacing_z": 3.299999952316284,
  "summary_bg_k": 82.83446449303909,
  "summary_bg_mad": 59.17313150157091,
  "summary_bg_mean": 549.8441772460938,
  "summary_bg_median": 56.82927322387695,
  "summary_bg_n": 159213.0,
  "summary_bg_p05": 8.145274925231934,
  "summary_bg_p95": 2535.558837890624,
  "summary_bg_stdv": 1590.513671875,
  "summary_fg_k": 2.4065993180865206,
  "summary_fg_mad": 3568.768325315885,
  "summary_fg_mean": 26815.10546875,
  "summary_fg_median": 26544.994140625,
  "summary_fg_n": 31454.0,
  "summary_fg_p05": 21287.57587890625,
  "summary_fg_p95": 33328.5134765625,
  "summary_fg_stdv": 3877.778564453125,
  "tsnr": 109.40640258789062
}