{
  "aor": 0.00489725,
  "aqi": 0.005647608250000001,
  "bids_meta": {
    "AcquisitionNumber": 4,
    "BidsifyVersion": "0.3.5",
    "ConversionSoftware": "dcm2niix",
    "ConversionSoftwareVersion": "v1.0.20181125  GCC6.3.0",
    "EchoTime": 0.02763,
    "EffectiveEchoSpacing": 0.0006909035636805814,
    "FlipAngle": 76.1,
    "ImageComments": "PIOP2",
    "ImageOrientationPatientDICOM": [
      0.999669,
      0.00929725,
      0.0239725,
      -0.0136099,
      0.98235,
      0.186558
    ],
    "Manufacturer": "Philips",
    "NumberOfVolumesDiscardedByScanner": 2,
    "ParallelAcquisitionTechnique": "SENSE",
    "ParallelReductionFactorInPlane": 2,
    "PatientPosition": "HFS",
    "PhaseEncodingDirection": "j",
    "PhilipsRescaleIntercept": 0,
    "PhilipsRescaleSlope": 0.79805,
    "PhilipsScaleSlope": 0.0554047,
    "ProtocolName": "WIPtask-rest_boldSENSE",
    "PulseSequenceType": "gradient echo EPI",
    "ReconMatrixPE": 80,
    "RepetitionTime": 2,
    "SeriesDescription": "ImageMRSERIES",
    "SeriesNumber": 4,
    "SliceEncodingDirection": "k",
    "SliceTiming": [
      0.0,
      0.0556,
      0.1111,
      0.1667,
      0.2222,
      0.2778,
      0.3333,
      0.3889,
      0.4444,
      0.5,
      0.5556,
      0.6111,
      0.6667,
      0.7222,
      0.7778,
      0.8333,
      0.8889,
      0.9444,
      1.0,
      1.0556,
      1.1111,
      1.1667,
      1.2222,
      1.2778,
      1.3333,
      1.3889,
      1.4444,
      1.5,
      1.5556,
      1.6111,
      1.6667,
      1.7222,
      1.7778,
      1.8333,
      1.8889,
      1.9444
    ],
    "TaskName": "restingstate",
    "TotalReadoutTime": 0.026945238983542674,
    "UsePhilipsFloatNotDisplayScaling": 1,
    "WaterFatShift": 12,
    "acq_id": "seq",
    "dataset": "ds002790",
    "modality": "bold",
    "subject_id": "0134",
    "task_id": "restingstate"
  },
  "dummy_trs": 0,
  "dvars_nstd": 23.04596645531381,
  "dvars_std": 1.363184516527197,
  "dvars_vstd": 1.0491676724267782,
  "efc": 0.42853637795278204,
  "fber": 225945.890625,
  "fd_mean": 0.20831682549721367,
  "fd_num": 98,
  "fd_perc": 40.833333333333336,
  "fwhm_avg": 1.9737179889874217,
  "fwhm_x": 1.9151966666666667,
  "fwhm_y": 2.0980633333333336,
  "fwhm_z": 1.9078939669622648,
  "gcor": 0.0745274,
  "gsr_x": -0.011050513945519924,
  "gsr_y": 0.01757413148880005,
  "provenance": {
    "md5sum": "ff62bd2984bdf482071a137a874a77eb",
    "settings": {
      "fd_thres": 0.2,
      "testing": false
    },
    "software": "mriqc",
    "version": "22.0.0rc1",
    "webapi_port": null,
    "webapi_url": "https://mriqc.nimh.nih.gov/api/v1"
  },
  "size_t": 240,
  "size_x": 80,
  "size_y": 80,
  "size_z": 36,
  "snr": 5.66021661516701,
  "spacing_tr": 2.0,
  "spacing_x": 3.0,
  "spacing_y": 3.0,
  "spacing_z": 3.299999952316284,
  "summary_bg_k": 81.93602325296342,
  "summary_bg_mad": 58.013528624363374,
  "summary_bg_mean": 576.026123046875,
  "summary_bg_median": 50.897823333740234,
  "summary_bg_n": 155576.0,
  "summary_bg_p05": 4.5937180519104,
  "summary_bg_p95": 2657.7852783203125,
  "summary_bg_stdv": 1639.642822265625,
  "summary_fg_k": 2.0792401616571086,
  "summary_fg_mad": 3920.8646344050303,
  "summary_fg_mean": 24855.3671875,
  "summary_fg_median": 24362.0859375,
  "summary_fg_n": 35304.0,
  "summary_fg_p05": 19102.74189453125,
  "summary_fg_p95": 32313.63427734375,
  "summary_fg_stdv": 4304.02978515625,
  "tsnr": 79.8009262084961
}