{
  "aor": 0.009608296296296299,
  "aqi": 0.008352501925925926,
  "bids_meta": {
    "AcquisitionNumber": 8,
    "BidsifyVersion": "0.3.5",
    "ConversionSoftware": "dcm2niix",
    "ConversionSoftwareVersion": "v1.0.20181125  GCC6.3.0",
    "EchoTime": 0.02763,
    "EffectiveEchoSpacing": 0.0006909035636805814,
    "FlipAngle": 76.1,
    "ImageComments": "PIOP2",
    "ImageOrientationPatientDICOM": [
      0.999669,
      0.00929725,
      0.0239725,
      -0.0136099,
      0.98235,
      0.186558
    ],
    "Manufacturer": "Philips",
    "NumberOfVolumesDiscardedByScanner": 2,
    "ParallelAcquisitionTechnique": "SENSE",
    "ParallelReductionFactorInPlane": 2,
    "PatientPosition": "HFS",
    "PhaseEncodingDirection": "j",
    "PhilipsRescaleIntercept": 0,
    "PhilipsRescaleSlope": 0.77827,
    "PhilipsScaleSlope": 0.056775,
    "ProtocolName": "WIPtask-harriri_boldSENSE",
    "PulseSequenceType": "gradient echo EPI",
    "ReconMatrixPE": 80,
    "RepetitionTime": 2,
    "SeriesDescription": "ImageMRSERIES",
    "SeriesNumber": 8,
    "SliceEncodingDirection": "k",
    "SliceTiming": [
      0.0,
      0.0556,
      0.1111,
      0.1667,
      0.2222,
      0.2778,
      0.3333,
      0.3889,
      0.4444,
      0.5,
      0.5556,
      0.6111,
      0.6667,
      0.7222,
      0.7778,
      0.8333,
      0.8889,
      0.9444,
      1.0,
      1.0556,
      1.1111,
      1.1667,
      1.2222,
      1.2778,
      1.3333,
      1.3889,
      1.4444,
      1.5,
      1.5556,
      1.6111,
      1.6667,
      1.7222,
      1.7778,
      1.8333,
      1.8889,
      1.9444
    ],
    "TaskName": "emomatching",
    "TotalReadoutTime": 0.026945238983542674,
    "UsePhilipsFloatNotDisplayScaling": 1,
    "WaterFatShift": 12,
    "acq_id": "seq",
    "dataset": "ds002790",
    "modality": "bold",
    "subject_id": "0134",
    "task_id": "emomatching"
  },
  "dummy_trs": 0,
  "dvars_nstd": 24.21320703149254,
  "dvars_std": 1.267456291865671,
  "dvars_vstd": 1.0594005162686568,
  "efc": 0.43071879322091433,
  "fber": 223947.59375,
  "fd_mean": 0.2543487563565472,
  "fd_num": 57,
  "fd_perc": 42.22222222222222,
  "fwhm_avg": 1.9724545546624654,
  "fwhm_x": 1.9009,
  "fwhm_y": 2.1047333333333333,
  "fwhm_z": 1.9117303306540623,
  "gcor": 0.0373499,
  "gsr_x": -0.01211161632090807,
  "gsr_y": 0.018386811017990112,
  "provenance": {
    "md5sum": "c89886764856b451141978d263c2c4a6",
    "settings": {
      "fd_thres": 0.2,
      "testing": false
    },
    "software": "mriqc",
    "version": "22.0.0rc1",
    "webapi_port": null,
    "webapi_url": "https://mriqc.nimh.nih.gov/api/v1"
  },
  "size_t": 135,
  "size_x": 80,
  "size_y": 80,
  "size_z": 36,
  "snr": 5.713424733787829,
  "spacing_tr": 2.0,
  "spacing_x": 3.0,
  "spacing_y": 3.0,
  "spacing_z": 3.299999952316284,
  "summary_bg_k": 75.60393814543319,
  "summary_bg_mad": 57.70797139595696,
  "summary_bg_mean": 585.4190063476562,
  "summary_bg_median": 50.347652435302734,
  "summary_bg_n": 155565.0,
  "summary_bg_p05": 4.875755023956299,
  "summary_bg_p95": 2717.4350097656234,
  "summary_bg_stdv": 1625.47509765625,
  "summary_fg_k": 2.0510872613452564,
  "summary_fg_mad": 3808.990424618205,
  "summary_fg_mean": 24429.216796875,
  "summary_fg_median": 23939.56640625,
  "summary_fg_n": 35300.0,
  "summary_fg_p05": 18822.83505859375,
  "summary_fg_p95": 31700.581835937493,
  "summary_fg_stdv": 4189.99609375,
  "tsnr": 68.87197875976562
}