{
  "aor": 0.01827945945945946,
  "aqi": 0.00935398797297297,
  "bids_meta": {
    "AcquisitionNumber": 7,
    "BidsifyVersion": "0.3.5",
    "ConversionSoftware": "dcm2niix",
    "ConversionSoftwareVersion": "v1.0.20181125  GCC6.3.0",
    "EchoTime": 0.02763,
    "EffectiveEchoSpacing": 0.0006909035636805814,
    "FlipAngle": 76.1,
    "ImageComments": "PIOP2",
    "ImageOrientationPatientDICOM": [
      0.999669,
      0.00929725,
      0.0239725,
      -0.0136099,
      0.98235,
      0.186558
    ],
    "Manufacturer": "Philips",
    "NumberOfVolumesDiscardedByScanner": 2,
    "ParallelAcquisitionTechnique": "SENSE",
    "ParallelReductionFactorInPlane": 2,
    "PatientPosition": "HFS",
    "PhaseEncodingDirection": "j",
    "PhilipsRescaleIntercept": 0,
    "PhilipsRescaleSlope": 0.83077,
    "PhilipsScaleSlope": 0.05526,
    "ProtocolName": "WIPtask-stop_boldSENSE",
    "PulseSequenceType": "gradient echo EPI",
    "ReconMatrixPE": 80,
    "RepetitionTime": 2,
    "SeriesDescription": "ImageMRSERIES",
    "SeriesNumber": 7,
    "SliceEncodingDirection": "k",
    "SliceTiming": [
      0.0,
      0.0556,
      0.1111,
      0.1667,
      0.2222,
      0.2778,
      0.3333,
      0.3889,
      0.4444,
      0.5,
      0.5556,
      0.6111,
      0.6667,
      0.7222,
      0.7778,
      0.8333,
      0.8889,
      0.9444,
      1.0,
      1.0556,
      1.1111,
      1.1667,
      1.2222,
      1.2778,
      1.3333,
      1.3889,
      1.4444,
      1.5,
      1.5556,
      1.6111,
      1.6667,
      1.7222,
      1.7778,
      1.8333,
      1.8889,
      1.9444
    ],
    "TaskName": "stopsignal",
    "TotalReadoutTime": 0.026945238983542674,
    "UsePhilipsFloatNotDisplayScaling": 1,
    "WaterFatShift": 12,
    "acq_id": "seq",
    "dataset": "ds002790",
    "modality": "bold",
    "subject_id": "0134",
    "task_id": "stopsignal"
  },
  "dummy_trs": 0,
  "dvars_nstd": 21.15045595334842,
  "dvars_std": 1.3786627996832577,
  "dvars_vstd": 1.1867352779185516,
  "efc": 0.43017563005439063,
  "fber": 225396.28125,
  "fd_mean": 0.19381831751508405,
  "fd_num": 64,
  "fd_perc": 28.82882882882883,
  "fwhm_avg": 1.9517370797454046,
  "fwhm_x": 1.8884233333333331,
  "fwhm_y": 2.090266666666667,
  "fwhm_z": 1.8765212392362138,
  "gcor": 0.0270076,
  "gsr_x": -0.011890118941664696,
  "gsr_y": 0.017942005768418312,
  "provenance": {
    "md5sum": "e5587eb79bb419eee230538d1c7dc727",
    "settings": {
      "fd_thres": 0.2,
      "testing": false
    },
    "software": "mriqc",
    "version": "22.0.0rc1",
    "webapi_port": null,
    "webapi_url": "https://mriqc.nimh.nih.gov/api/v1"
  },
  "size_t": 222,
  "size_x": 80,
  "size_y": 80,
  "size_z": 36,
  "snr": 5.7534319466645005,
  "spacing_tr": 2.0,
  "spacing_x": 3.0,
  "spacing_y": 3.0,
  "spacing_z": 3.299999952316284,
  "summary_bg_k": 79.91948277724092,
  "summary_bg_mad": 57.562558242728215,
  "summary_bg_mean": 583.5571899414062,
  "summary_bg_median": 50.35527038574219,
  "summary_bg_n": 155585.0,
  "summary_bg_p05": 5.235048198699952,
  "summary_bg_p95": 2703.450146484374,
  "summary_bg_stdv": 1638.0572509765625,
  "summary_fg_k": 2.0185865380085994,
  "summary_fg_mad": 3807.3253928298436,
  "summary_fg_mean": 24540.80859375,
  "summary_fg_median": 24055.412109375,
  "summary_fg_n": 35248.0,
  "summary_fg_p05": 18934.87275390625,
  "summary_fg_p95": 31792.717675781252,
  "summary_fg_stdv": 4180.9951171875,
  "tsnr": 70.38072967529297
}