{
  "aor": 0.001360375,
  "aqi": 0.005039893541666667,
  "bids_meta": {
    "AcquisitionNumber": 4,
    "BidsifyVersion": "0.3.5",
    "ConversionSoftware": "dcm2niix",
    "ConversionSoftwareVersion": "v1.0.20181125  GCC6.3.0",
    "EchoTime": 0.02763,
    "EffectiveEchoSpacing": 0.0006909035636805814,
    "FlipAngle": 76.1,
    "ImageComments": "PIOP2",
    "ImageOrientationPatientDICOM": [
      0.995622,
      0.0848035,
      -0.0393088,
      -0.0787068,
      0.987464,
      0.136818
    ],
    "Manufacturer": "Philips",
    "NumberOfVolumesDiscardedByScanner": 2,
    "ParallelAcquisitionTechnique": "SENSE",
    "ParallelReductionFactorInPlane": 2,
    "PatientPosition": "HFS",
    "PhaseEncodingDirection": "j",
    "PhilipsRescaleIntercept": 0,
    "PhilipsRescaleSlope": 0.75385,
    "PhilipsScaleSlope": 0.0438596,
    "ProtocolName": "WIPtask-rest_boldSENSE",
    "PulseSequenceType": "gradient echo EPI",
    "ReconMatrixPE": 80,
    "RepetitionTime": 2,
    "SeriesDescription": "ImageMRSERIES",
    "SeriesNumber": 4,
    "SliceEncodingDirection": "k",
    "SliceTiming": [
      0.0,
      0.0556,
      0.1111,
      0.1667,
      0.2222,
      0.2778,
      0.3333,
      0.3889,
      0.4444,
      0.5,
      0.5556,
      0.6111,
      0.6667,
      0.7222,
      0.7778,
      0.8333,
      0.8889,
      0.9444,
      1.0,
      1.0556,
      1.1111,
      1.1667,
      1.2222,
      1.2778,
      1.3333,
      1.3889,
      1.4444,
      1.5,
      1.5556,
      1.6111,
      1.6667,
      1.7222,
      1.7778,
      1.8333,
      1.8889,
      1.9444
    ],
    "TaskName": "restingstate",
    "TotalReadoutTime": 0.026945238983542674,
    "UsePhilipsFloatNotDisplayScaling": 1,
    "WaterFatShift": 12,
    "acq_id": "seq",
    "dataset": "ds002790",
    "modality": "bold",
    "subject_id": "0177",
    "task_id": "restingstate"
  },
  "dummy_trs": 0,
  "dvars_nstd": 17.22084050598327,
  "dvars_std": 1.2388648823849364,
  "dvars_vstd": 0.9666778537238494,
  "efc": 0.4460087992853843,
  "fber": 221962.765625,
  "fd_mean": 0.08324261945532377,
  "fd_num": 2,
  "fd_perc": 0.8333333333333334,
  "fwhm_avg": 2.031555968649385,
  "fwhm_x": 1.92119,
  "fwhm_y": 2.2938233333333335,
  "fwhm_z": 1.8796545726148226,
  "gcor": 0.0793634,
  "gsr_x": -0.0183706134557724,
  "gsr_y": 0.027007941156625748,
  "provenance": {
    "md5sum": "b318f15ea4165ac7a207a8821b30b435",
    "settings": {
      "fd_thres": 0.2,
      "testing": false
    },
    "software": "mriqc",
    "version": "22.0.0rc1",
    "webapi_port": null,
    "webapi_url": "https://mriqc.nimh.nih.gov/api/v1"
  },
  "size_t": 240,
  "size_x": 80,
  "size_y": 80,
  "size_z": 36,
  "snr": 5.749704186057445,
  "spacing_tr": 2.0,
  "spacing_x": 3.0,
  "spacing_y": 3.0,
  "spacing_z": 3.299999952316284,
  "summary_bg_k": 58.744177223567384,
  "summary_bg_mad": 73.19266805333623,
  "summary_bg_mean": 799.3945922851562,
  "summary_bg_median": 64.55067443847656,
  "summary_bg_n": 151674.0,
  "summary_bg_p05": 4.085801029205323,
  "summary_bg_p95": 4365.146606445313,
  "summary_bg_stdv": 2302.58642578125,
  "summary_fg_k": 1.641684527182374,
  "summary_fg_mad": 5248.713007085465,
  "summary_fg_mean": 32173.3203125,
  "summary_fg_median": 31685.34765625,
  "summary_fg_n": 38159.0,
  "summary_fg_p05": 24295.7125,
  "summary_fg_p95": 41224.72109374999,
  "summary_fg_stdv": 5510.70654296875,
  "tsnr": 84.69635009765625
}