{
  "aor": 0.0030623703703703702,
  "aqi": 0.0024796306666666668,
  "bids_meta": {
    "AcquisitionNumber": 8,
    "BidsifyVersion": "0.3.5",
    "ConversionSoftware": "dcm2niix",
    "ConversionSoftwareVersion": "v1.0.20181125  GCC6.3.0",
    "EchoTime": 0.02763,
    "EffectiveEchoSpacing": 0.0006909035636805814,
    "FlipAngle": 76.1,
    "ImageComments": "PIOP2",
    "ImageOrientationPatientDICOM": [
      0.995622,
      0.0848035,
      -0.0393088,
      -0.0787068,
      0.987464,
      0.136818
    ],
    "Manufacturer": "Philips",
    "NumberOfVolumesDiscardedByScanner": 2,
    "ParallelAcquisitionTechnique": "SENSE",
    "ParallelReductionFactorInPlane": 2,
    "PatientPosition": "HFS",
    "PhaseEncodingDirection": "j",
    "PhilipsRescaleIntercept": 0,
    "PhilipsRescaleSlope": 0.75702,
    "PhilipsScaleSlope": 0.0455004,
    "ProtocolName": "WIPtask-harriri_boldSENSE",
    "PulseSequenceType": "gradient echo EPI",
    "ReconMatrixPE": 80,
    "RepetitionTime": 2,
    "SeriesDescription": "ImageMRSERIES",
    "SeriesNumber": 8,
    "SliceEncodingDirection": "k",
    "SliceTiming": [
      0.0,
      0.0556,
      0.1111,
      0.1667,
      0.2222,
      0.2778,
      0.3333,
      0.3889,
      0.4444,
      0.5,
      0.5556,
      0.6111,
      0.6667,
      0.7222,
      0.7778,
      0.8333,
      0.8889,
      0.9444,
      1.0,
      1.0556,
      1.1111,
      1.1667,
      1.2222,
      1.2778,
      1.3333,
      1.3889,
      1.4444,
      1.5,
      1.5556,
      1.6111,
      1.6667,
      1.7222,
      1.7778,
      1.8333,
      1.8889,
      1.9444
    ],
    "TaskName": "emomatching",
    "TotalReadoutTime": 0.026945238983542674,
    "UsePhilipsFloatNotDisplayScaling": 1,
    "WaterFatShift": 12,
    "acq_id": "seq",
    "dataset": "ds002790",
    "modality": "bold",
    "subject_id": "0177",
    "task_id": "emomatching"
  },
  "dummy_trs": 0,
  "dvars_nstd": 16.10076685783582,
  "dvars_std": 1.2539968194029854,
  "dvars_vstd": 1.0287159264179107,
  "efc": 0.44523598841270484,
  "fber": 229952.265625,
  "fd_mean": 0.0796051616296667,
  "fd_num": 0,
  "fd_perc": 0.0,
  "fwhm_avg": 2.0273210191153344,
  "fwhm_x": 1.93248,
  "fwhm_y": 2.277946666666667,
  "fwhm_z": 1.8715363906793363,
  "gcor": 0.0354968,
  "gsr_x": -0.017973778769373894,
  "gsr_y": 0.02723494917154312,
  "provenance": {
    "md5sum": "1e2d2a9cb13a141afbeebbff41b9fa8b",
    "settings": {
      "fd_thres": 0.2,
      "testing": false
    },
    "software": "mriqc",
    "version": "22.0.0rc1",
    "webapi_port": null,
    "webapi_url": "https://mriqc.nimh.nih.gov/api/v1"
  },
  "size_t": 135,
  "size_x": 80,
  "size_y": 80,
  "size_z": 36,
  "snr": 5.749546163711348,
  "spacing_tr": 2.0,
  "spacing_x": 3.0,
  "spacing_y": 3.0,
  "spacing_z": 3.299999952316284,
  "summary_bg_k": 57.830641484401276,
  "summary_bg_mad": 71.56068451608385,
  "summary_bg_mean": 797.825439453125,
  "summary_bg_median": 62.72154235839844,
  "summary_bg_n": 151948.0,
  "summary_bg_p05": 3.348877823352815,
  "summary_bg_p95": 4389.709960937494,
  "summary_bg_stdv": 2278.37255859375,
  "summary_fg_k": 1.6296700387908523,
  "summary_fg_mad": 5219.237600870292,
  "summary_fg_mean": 31824.337890625,
  "summary_fg_median": 31322.751953125,
  "summary_fg_n": 38015.0,
  "summary_fg_p05": 24059.0388671875,
  "summary_fg_p95": 40878.036328124996,
  "summary_fg_stdv": 5447.79345703125,
  "tsnr": 113.856201171875
}