{
  "aor": 0.00339075,
  "aqi": 0.0022691495,
  "bids_meta": {
    "AcquisitionNumber": 3,
    "BidsifyVersion": "0.3.5",
    "ConversionSoftware": "dcm2niix",
    "ConversionSoftwareVersion": "v1.0.20181125  GCC6.3.0",
    "EchoTime": 0.02763,
    "EffectiveEchoSpacing": 0.0006909035636805814,
    "FlipAngle": 76.1,
    "ImageComments": "PIOP2",
    "ImageOrientationPatientDICOM": [
      0.995622,
      0.0848035,
      -0.0393088,
      -0.0787068,
      0.987464,
      0.136818
    ],
    "Manufacturer": "Philips",
    "NumberOfVolumesDiscardedByScanner": 2,
    "ParallelAcquisitionTechnique": "SENSE",
    "ParallelReductionFactorInPlane": 2,
    "PatientPosition": "HFS",
    "PhaseEncodingDirection": "j",
    "PhilipsRescaleIntercept": 0,
    "PhilipsRescaleSlope": 0.74725,
    "PhilipsScaleSlope": 0.0445291,
    "ProtocolName": "WIPtask-wm_boldSENSE",
    "PulseSequenceType": "gradient echo EPI",
    "ReconMatrixPE": 80,
    "RepetitionTime": 2,
    "SeriesDescription": "ImageMRSERIES",
    "SeriesNumber": 3,
    "SliceEncodingDirection": "k",
    "SliceTiming": [
      0.0,
      0.0556,
      0.1111,
      0.1667,
      0.2222,
      0.2778,
      0.3333,
      0.3889,
      0.4444,
      0.5,
      0.5556,
      0.6111,
      0.6667,
      0.7222,
      0.7778,
      0.8333,
      0.8889,
      0.9444,
      1.0,
      1.0556,
      1.1111,
      1.1667,
      1.2222,
      1.2778,
      1.3333,
      1.3889,
      1.4444,
      1.5,
      1.5556,
      1.6111,
      1.6667,
      1.7222,
      1.7778,
      1.8333,
      1.8889,
      1.9444
    ],
    "TaskName": "workingmemory",
    "TotalReadoutTime": 0.026945238983542674,
    "UsePhilipsFloatNotDisplayScaling": 1,
    "WaterFatShift": 12,
    "acq_id": "seq",
    "dataset": "ds002790",
    "modality": "bold",
    "subject_id": "0177",
    "task_id": "workingmemory"
  },
  "dummy_trs": 0,
  "dvars_nstd": 17.744975863584905,
  "dvars_std": 1.3358818428930823,
  "dvars_vstd": 1.0259843016981136,
  "efc": 0.44530902256212446,
  "fber": 232512.1875,
  "fd_mean": 0.07298491026558185,
  "fd_num": 3,
  "fd_perc": 1.875,
  "fwhm_avg": 2.0387708172242447,
  "fwhm_x": 1.9250866666666668,
  "fwhm_y": 2.2928833333333336,
  "fwhm_z": 1.8983424516727339,
  "gcor": 0.0409674,
  "gsr_x": -0.018055494874715805,
  "gsr_y": 0.026373067870736122,
  "provenance": {
    "md5sum": "fecc49e7fc6c099b607225ebee5dc23c",
    "settings": {
      "fd_thres": 0.2,
      "testing": false
    },
    "software": "mriqc",
    "version": "22.0.0rc1",
    "webapi_port": null,
    "webapi_url": "https://mriqc.nimh.nih.gov/api/v1"
  },
  "size_t": 160,
  "size_x": 80,
  "size_y": 80,
  "size_z": 36,
  "snr": 5.727115402572812,
  "spacing_tr": 2.0,
  "spacing_x": 3.0,
  "spacing_y": 3.0,
  "spacing_z": 3.299999952316284,
  "summary_bg_k": 59.281887012788395,
  "summary_bg_mad": 72.27464678180418,
  "summary_bg_mean": 784.394775390625,
  "summary_bg_median": 62.996849060058594,
  "summary_bg_n": 151586.0,
  "summary_bg_p05": 2.9559675455093384,
  "summary_bg_p95": 4248.8990478515625,
  "summary_bg_stdv": 2274.865478515625,
  "summary_fg_k": 1.4968686268414144,
  "summary_fg_mad": 5315.496708189751,
  "summary_fg_mean": 32181.541015625,
  "summary_fg_median": 31709.134765625,
  "summary_fg_n": 38201.0,
  "summary_fg_p05": 24225.7265625,
  "summary_fg_p95": 41284.36328125,
  "summary_fg_stdv": 5536.59521484375,
  "tsnr": 114.2957763671875
}