{
  "bids_meta": {
    "AcquisitionNumber": 2,
    "BidsifyVersion": "0.3.5",
    "ConversionSoftware": "dcm2niix",
    "ConversionSoftwareVersion": "v1.0.20181125  GCC6.3.0",
    "EchoTime": 0.00381,
    "ImageComments": "PIOP2",
    "ImageOrientationPatientDICOM": [
      0.997069,
      -0.0626746,
      0.0438855,
      0.0674488,
      0.990786,
      -0.117443
    ],
    "Manufacturer": "Philips",
    "NumberSignalAcquisitions": 2,
    "PatientPosition": "HFS",
    "PhilipsRescaleIntercept": 0,
    "PhilipsRescaleSlope": 8.21001,
    "PhilipsScaleSlope": 0.00774069,
    "ProtocolName": "WIPT1anat_acq-6m_T1wSENSE",
    "ReconMatrixPE": 240,
    "RepetitionTime": 0.008282,
    "SeriesDescription": "ImageMRSERIES",
    "SeriesNumber": 2,
    "UsePhilipsFloatNotDisplayScaling": 1,
    "dataset": "ds002790",
    "modality": "T1w",
    "subject_id": "0073"
  },
  "cjv": 0.26108177214594713,
  "cnr": 4.472133845371612,
  "efc": 0.7434707657172416,
  "fber": 1265.2498779296875,
  "fwhm_avg": 4.603613333333333,
  "fwhm_x": 4.44588,
  "fwhm_y": 4.63417,
  "fwhm_z": 4.73079,
  "icvs_csf": 0.27353919500689255,
  "icvs_gm": 0.3814130454038311,
  "icvs_wm": 0.3450477595892763,
  "inu_med": 0.6807194948196411,
  "inu_range": 0.1756664097309113,
  "provenance": {
    "md5sum": "aef5cfc00bd6dfefd125f048da438bf7",
    "settings": {
      "testing": false
    },
    "software": "mriqc",
    "version": "22.0.0rc1",
    "warnings": {
      "large_rot_frame": true,
      "small_air_mask": true
    },
    "webapi_port": null,
    "webapi_url": "https://mriqc.nimh.nih.gov/api/v1"
  },
  "qi_1": 0.0,
  "qi_2": 9.223617813270634e-05,
  "rpve_csf": 25.307474297408792,
  "rpve_gm": 16.830072047642194,
  "rpve_wm": 24.36519230360452,
  "size_x": 240,
  "size_y": 240,
  "size_z": 220,
  "snr_csf": 3.131687708722412,
  "snr_gm": 9.606862395733879,
  "snr_total": 12.90546465925693,
  "snr_wm": 25.9778438733145,
  "snrd_csf": 20.316071066427536,
  "snrd_gm": 43.59271894985196,
  "snrd_total": 43.66479599972115,
  "snrd_wm": 67.08559798288394,
  "spacing_x": 1.0,
  "spacing_y": 1.0,
  "spacing_z": 1.0,
  "summary_bg_k": 7.908832178959424,
  "summary_bg_mad": 9.765749365534074,
  "summary_bg_mean": 11.933231353759766,
  "summary_bg_median": 13.391103744506836,
  "summary_bg_n": 203373.0,
  "summary_bg_p05": 0.0,
  "summary_bg_p95": 27.32108039855957,
  "summary_bg_stdv": 8.660868644714355,
  "summary_csf_k": -0.32425834804053144,
  "summary_csf_mad": 97.98399881042893,
  "summary_csf_mean": 290.1938171386719,
  "summary_csf_median": 302.8402404785156,
  "summary_csf_n": 17548.0,
  "summary_csf_p05": 122.64869384765625,
  "summary_csf_p95": 430.5457000732421,
  "summary_csf_stdv": 96.69917297363281,
  "summary_gm_k": 0.8481851924067567,
  "summary_gm_mad": 59.489006808675995,
  "summary_gm_mean": 655.0235595703125,
  "summary_gm_median": 649.8121337890625,
  "summary_gm_n": 20230.0,
  "summary_gm_p05": 554.4131408691406,
  "summary_gm_p95": 777.9128967285156,
  "summary_gm_stdv": 67.63874053955078,
  "summary_wm_k": 1.8904549699281974,
  "summary_wm_mad": 31.940558170527485,
  "summary_wm_mean": 999.0674438476562,
  "summary_wm_median": 1000.0072631835938,
  "summary_wm_n": 173883.0,
  "summary_wm_p05": 934.7565246582031,
  "summary_wm_p95": 1058.6688354492187,
  "summary_wm_stdv": 38.494510650634766,
  "tpm_overlap_csf": 0.16509871184825897,
  "tpm_overlap_gm": 0.43238523602485657,
  "tpm_overlap_wm": 0.508430540561676,
  "wm2max": 0.6314705632407641
}