{
  "aor": 0.0025608125,
  "aqi": 0.002746147,
  "bids_meta": {
    "AcquisitionNumber": 3,
    "BidsifyVersion": "0.3.5",
    "ConversionSoftware": "dcm2niix",
    "ConversionSoftwareVersion": "v1.0.20181125  GCC6.3.0",
    "EchoTime": 0.02763,
    "EffectiveEchoSpacing": 0.0006909035636805814,
    "FlipAngle": 76.1,
    "ImageComments": "PIOP2",
    "ImageOrientationPatientDICOM": [
      0.999968,
      0.007256,
      0.00324449,
      -0.00785389,
      0.96476,
      0.263014
    ],
    "Manufacturer": "Philips",
    "NumberOfVolumesDiscardedByScanner": 2,
    "ParallelAcquisitionTechnique": "SENSE",
    "ParallelReductionFactorInPlane": 2,
    "PatientPosition": "HFS",
    "PhaseEncodingDirection": "j",
    "PhilipsRescaleIntercept": 0,
    "PhilipsRescaleSlope": 0.79634,
    "PhilipsScaleSlope": 0.0498579,
    "ProtocolName": "WIPtask-wm_boldSENSE",
    "PulseSequenceType": "gradient echo EPI",
    "ReconMatrixPE": 80,
    "RepetitionTime": 2,
    "SeriesDescription": "ImageMRSERIES",
    "SeriesNumber": 3,
    "SliceEncodingDirection": "k",
    "SliceTiming": [
      0.0,
      0.0556,
      0.1111,
      0.1667,
      0.2222,
      0.2778,
      0.3333,
      0.3889,
      0.4444,
      0.5,
      0.5556,
      0.6111,
      0.6667,
      0.7222,
      0.7778,
      0.8333,
      0.8889,
      0.9444,
      1.0,
      1.0556,
      1.1111,
      1.1667,
      1.2222,
      1.2778,
      1.3333,
      1.3889,
      1.4444,
      1.5,
      1.5556,
      1.6111,
      1.6667,
      1.7222,
      1.7778,
      1.8333,
      1.8889,
      1.9444
    ],
    "TaskName": "workingmemory",
    "TotalReadoutTime": 0.026945238983542674,
    "UsePhilipsFloatNotDisplayScaling": 1,
    "WaterFatShift": 12,
    "acq_id": "seq",
    "dataset": "ds002790",
    "modality": "bold",
    "subject_id": "0020",
    "task_id": "workingmemory"
  },
  "dummy_trs": 0,
  "dvars_nstd": 20.445565793270443,
  "dvars_std": 1.368782404213836,
  "dvars_vstd": 1.0141749213836473,
  "efc": 0.414719247831147,
  "fber": 251606.0625,
  "fd_mean": 0.08897967459242093,
  "fd_num": 2,
  "fd_perc": 1.25,
  "fwhm_avg": 2.1612452623701373,
  "fwhm_x": 2.0568966666666664,
  "fwhm_y": 2.3828633333333333,
  "fwhm_z": 2.0439757871104125,
  "gcor": 0.0521751,
  "gsr_x": -0.021147653460502625,
  "gsr_y": 0.015735089778900146,
  "provenance": {
    "md5sum": "14acfc45b8a2e344630c40944c5ef2d9",
    "settings": {
      "fd_thres": 0.2,
      "testing": false
    },
    "software": "mriqc",
    "version": "22.0.0rc1",
    "webapi_port": null,
    "webapi_url": "https://mriqc.nimh.nih.gov/api/v1"
  },
  "size_t": 160,
  "size_x": 80,
  "size_y": 80,
  "size_z": 36,
  "snr": 5.4709803442996785,
  "spacing_tr": 2.0,
  "spacing_x": 3.0,
  "spacing_y": 3.0,
  "spacing_z": 3.299999952316284,
  "summary_bg_k": 70.88003665382448,
  "summary_bg_mad": 55.40538343927339,
  "summary_bg_mean": 373.1890869140625,
  "summary_bg_median": 52.45475387573242,
  "summary_bg_n": 155057.0,
  "summary_bg_p05": 3.5781030654907227,
  "summary_bg_p95": 1650.3610107421841,
  "summary_bg_stdv": 1110.002685546875,
  "summary_fg_k": 2.4226420204921553,
  "summary_fg_mad": 4416.211591442363,
  "summary_fg_mean": 27734.66015625,
  "summary_fg_median": 27183.515625,
  "summary_fg_n": 35446.0,
  "summary_fg_p05": 20799.287109375,
  "summary_fg_p95": 36235.83984375,
  "summary_fg_stdv": 4968.603515625,
  "tsnr": 106.67906188964844
}