{
  "aor": 0.00249975,
  "aqi": 0.004750953875,
  "bids_meta": {
    "AcquisitionNumber": 3,
    "BidsifyVersion": "0.3.5",
    "ConversionSoftware": "dcm2niix",
    "ConversionSoftwareVersion": "v1.0.20181125  GCC6.3.0",
    "EchoTime": 0.02763,
    "EffectiveEchoSpacing": 0.0006909035636805814,
    "FlipAngle": 76.1,
    "ImageComments": "PIOP2",
    "ImageOrientationPatientDICOM": [
      0.999151,
      -0.029295,
      -0.0289775,
      0.0291305,
      0.999557,
      -0.00608304
    ],
    "Manufacturer": "Philips",
    "NumberOfVolumesDiscardedByScanner": 2,
    "ParallelAcquisitionTechnique": "SENSE",
    "ParallelReductionFactorInPlane": 2,
    "PatientPosition": "HFS",
    "PhaseEncodingDirection": "j",
    "PhilipsRescaleIntercept": 0,
    "PhilipsRescaleSlope": 0.7685,
    "PhilipsScaleSlope": 0.055843,
    "ProtocolName": "WIPtask-wm_boldSENSE",
    "PulseSequenceType": "gradient echo EPI",
    "ReconMatrixPE": 80,
    "RepetitionTime": 2,
    "SeriesDescription": "ImageMRSERIES",
    "SeriesNumber": 3,
    "SliceEncodingDirection": "k",
    "SliceTiming": [
      0.0,
      0.0556,
      0.1111,
      0.1667,
      0.2222,
      0.2778,
      0.3333,
      0.3889,
      0.4444,
      0.5,
      0.5556,
      0.6111,
      0.6667,
      0.7222,
      0.7778,
      0.8333,
      0.8889,
      0.9444,
      1.0,
      1.0556,
      1.1111,
      1.1667,
      1.2222,
      1.2778,
      1.3333,
      1.3889,
      1.4444,
      1.5,
      1.5556,
      1.6111,
      1.6667,
      1.7222,
      1.7778,
      1.8333,
      1.8889,
      1.9444
    ],
    "TaskName": "workingmemory",
    "TotalReadoutTime": 0.026945238983542674,
    "UsePhilipsFloatNotDisplayScaling": 1,
    "WaterFatShift": 12,
    "acq_id": "seq",
    "dataset": "ds002790",
    "modality": "bold",
    "subject_id": "0186",
    "task_id": "workingmemory"
  },
  "dummy_trs": 0,
  "dvars_nstd": 18.8083163808176,
  "dvars_std": 1.1656564611320754,
  "dvars_vstd": 0.9802614861635219,
  "efc": 0.40998636307882835,
  "fber": 239867.0,
  "fd_mean": 0.1674568312750204,
  "fd_num": 47,
  "fd_perc": 29.375,
  "fwhm_avg": 2.064215463677784,
  "fwhm_x": 2.02387,
  "fwhm_y": 2.27274,
  "fwhm_z": 1.8960363910333518,
  "gcor": 0.04087,
  "gsr_x": -0.013276343233883381,
  "gsr_y": 0.007802486885339022,
  "provenance": {
    "md5sum": "df022511423c8f0edbb0874af3e22ec6",
    "settings": {
      "fd_thres": 0.2,
      "testing": false
    },
    "software": "mriqc",
    "version": "22.0.0rc1",
    "webapi_port": null,
    "webapi_url": "https://mriqc.nimh.nih.gov/api/v1"
  },
  "size_t": 160,
  "size_x": 80,
  "size_y": 80,
  "size_z": 36,
  "snr": 5.925786190281322,
  "spacing_tr": 2.0,
  "spacing_x": 3.0,
  "spacing_y": 3.0,
  "spacing_z": 3.299999952316284,
  "summary_bg_k": 60.60582605731277,
  "summary_bg_mad": 52.34308513939981,
  "summary_bg_mean": 377.5447692871094,
  "summary_bg_median": 48.7150993347168,
  "summary_bg_n": 156835.0,
  "summary_bg_p05": 4.011313390731812,
  "summary_bg_p95": 1838.8228881835855,
  "summary_bg_stdv": 1114.36474609375,
  "summary_fg_k": 0.948738839710181,
  "summary_fg_mad": 4063.8850736103054,
  "summary_fg_mean": 24791.6875,
  "summary_fg_median": 24429.69921875,
  "summary_fg_n": 33467.0,
  "summary_fg_p05": 18836.058984375,
  "summary_fg_p95": 31809.744726562498,
  "summary_fg_stdv": 4122.54736328125,
  "tsnr": 83.14639282226562
}