{
  "aor": 0.0039054374999999996,
  "aqi": 0.0063346832500000005,
  "bids_meta": {
    "AcquisitionNumber": 3,
    "BidsifyVersion": "0.3.5",
    "ConversionSoftware": "dcm2niix",
    "ConversionSoftwareVersion": "v1.0.20181125  GCC6.3.0",
    "EchoTime": 0.02763,
    "EffectiveEchoSpacing": 0.0006909035636805814,
    "FlipAngle": 76.1,
    "ImageComments": "PIOP2",
    "ImageOrientationPatientDICOM": [
      0.995675,
      -0.0831255,
      0.0414826,
      0.0792357,
      0.992969,
      0.0879414
    ],
    "Manufacturer": "Philips",
    "NumberOfVolumesDiscardedByScanner": 2,
    "ParallelAcquisitionTechnique": "SENSE",
    "ParallelReductionFactorInPlane": 2,
    "PatientPosition": "HFS",
    "PhaseEncodingDirection": "j",
    "PhilipsRescaleIntercept": 0,
    "PhilipsRescaleSlope": 0.76947,
    "PhilipsScaleSlope": 0.0512526,
    "ProtocolName": "WIPtask-wm_boldSENSE",
    "PulseSequenceType": "gradient echo EPI",
    "ReconMatrixPE": 80,
    "RepetitionTime": 2,
    "SeriesDescription": "ImageMRSERIES",
    "SeriesNumber": 3,
    "SliceEncodingDirection": "k",
    "SliceTiming": [
      0.0,
      0.0556,
      0.1111,
      0.1667,
      0.2222,
      0.2778,
      0.3333,
      0.3889,
      0.4444,
      0.5,
      0.5556,
      0.6111,
      0.6667,
      0.7222,
      0.7778,
      0.8333,
      0.8889,
      0.9444,
      1.0,
      1.0556,
      1.1111,
      1.1667,
      1.2222,
      1.2778,
      1.3333,
      1.3889,
      1.4444,
      1.5,
      1.5556,
      1.6111,
      1.6667,
      1.7222,
      1.7778,
      1.8333,
      1.8889,
      1.9444
    ],
    "TaskName": "workingmemory",
    "TotalReadoutTime": 0.026945238983542674,
    "UsePhilipsFloatNotDisplayScaling": 1,
    "WaterFatShift": 12,
    "acq_id": "seq",
    "dataset": "ds002790",
    "modality": "bold",
    "subject_id": "0037",
    "task_id": "workingmemory"
  },
  "dummy_trs": 0,
  "dvars_nstd": 19.5980013718868,
  "dvars_std": 1.278263718427673,
  "dvars_vstd": 0.9964633671698113,
  "efc": 0.41058303519069667,
  "fber": 272757.65625,
  "fd_mean": 0.10419761795551374,
  "fd_num": 13,
  "fd_perc": 8.125,
  "fwhm_avg": 2.1306258680678103,
  "fwhm_x": 2.068963333333333,
  "fwhm_y": 2.35429,
  "fwhm_z": 1.968624270870097,
  "gcor": 0.0298444,
  "gsr_x": -0.023379964753985405,
  "gsr_y": 0.016878800466656685,
  "provenance": {
    "md5sum": "7355c4ab9ff1318da3d1cdc12cf1731e",
    "settings": {
      "fd_thres": 0.2,
      "testing": false
    },
    "software": "mriqc",
    "version": "22.0.0rc1",
    "webapi_port": null,
    "webapi_url": "https://mriqc.nimh.nih.gov/api/v1"
  },
  "size_t": 160,
  "size_x": 80,
  "size_y": 80,
  "size_z": 36,
  "snr": 5.613110553469912,
  "spacing_tr": 2.0,
  "spacing_x": 3.0,
  "spacing_y": 3.0,
  "spacing_z": 3.299999952316284,
  "summary_bg_k": 100.93124040598084,
  "summary_bg_mad": 55.54002111079435,
  "summary_bg_mean": 515.0880737304688,
  "summary_bg_median": 49.94315719604492,
  "summary_bg_n": 157955.0,
  "summary_bg_p05": 4.211760568618774,
  "summary_bg_p95": 2532.84318847656,
  "summary_bg_stdv": 1616.9024658203125,
  "summary_fg_k": 1.9053047838521007,
  "summary_fg_mad": 4270.547371327917,
  "summary_fg_mean": 27341.759765625,
  "summary_fg_median": 26762.0703125,
  "summary_fg_n": 32926.0,
  "summary_fg_p05": 20787.61962890625,
  "summary_fg_p95": 35659.9619140625,
  "summary_fg_stdv": 4767.70654296875,
  "tsnr": 74.6969985961914
}