{
  "aor": 0.00162025,
  "aqi": 0.00376821225,
  "bids_meta": {
    "AcquisitionNumber": 4,
    "BidsifyVersion": "0.3.5",
    "ConversionSoftware": "dcm2niix",
    "ConversionSoftwareVersion": "v1.0.20181125  GCC6.3.0",
    "EchoTime": 0.02763,
    "EffectiveEchoSpacing": 0.0006909035636805814,
    "FlipAngle": 76.1,
    "ImageComments": "PIOP2",
    "ImageOrientationPatientDICOM": [
      0.995675,
      -0.0831255,
      0.0414826,
      0.0792357,
      0.992969,
      0.0879414
    ],
    "Manufacturer": "Philips",
    "NumberOfVolumesDiscardedByScanner": 2,
    "ParallelAcquisitionTechnique": "SENSE",
    "ParallelReductionFactorInPlane": 2,
    "PatientPosition": "HFS",
    "PhaseEncodingDirection": "j",
    "PhilipsRescaleIntercept": 0,
    "PhilipsRescaleSlope": 0.78388,
    "PhilipsScaleSlope": 0.048994,
    "ProtocolName": "WIPtask-rest_boldSENSE",
    "PulseSequenceType": "gradient echo EPI",
    "ReconMatrixPE": 80,
    "RepetitionTime": 2,
    "SeriesDescription": "ImageMRSERIES",
    "SeriesNumber": 4,
    "SliceEncodingDirection": "k",
    "SliceTiming": [
      0.0,
      0.0556,
      0.1111,
      0.1667,
      0.2222,
      0.2778,
      0.3333,
      0.3889,
      0.4444,
      0.5,
      0.5556,
      0.6111,
      0.6667,
      0.7222,
      0.7778,
      0.8333,
      0.8889,
      0.9444,
      1.0,
      1.0556,
      1.1111,
      1.1667,
      1.2222,
      1.2778,
      1.3333,
      1.3889,
      1.4444,
      1.5,
      1.5556,
      1.6111,
      1.6667,
      1.7222,
      1.7778,
      1.8333,
      1.8889,
      1.9444
    ],
    "TaskName": "restingstate",
    "TotalReadoutTime": 0.026945238983542674,
    "UsePhilipsFloatNotDisplayScaling": 1,
    "WaterFatShift": 12,
    "acq_id": "seq",
    "dataset": "ds002790",
    "modality": "bold",
    "subject_id": "0037",
    "task_id": "restingstate"
  },
  "dummy_trs": 0,
  "dvars_nstd": 18.455169973305438,
  "dvars_std": 1.2613852826359828,
  "dvars_vstd": 0.9870740507112972,
  "efc": 0.4116812661312919,
  "fber": 285454.09375,
  "fd_mean": 0.09186641664087397,
  "fd_num": 6,
  "fd_perc": 2.5,
  "fwhm_avg": 2.134275565104019,
  "fwhm_x": 2.0712966666666666,
  "fwhm_y": 2.3490966666666666,
  "fwhm_z": 1.9824333619787238,
  "gcor": 0.0375343,
  "gsr_x": -0.02386048622429371,
  "gsr_y": 0.017611835151910782,
  "provenance": {
    "md5sum": "0a3e968c21c724540a9840d4e062738b",
    "settings": {
      "fd_thres": 0.2,
      "testing": false
    },
    "software": "mriqc",
    "version": "22.0.0rc1",
    "webapi_port": null,
    "webapi_url": "https://mriqc.nimh.nih.gov/api/v1"
  },
  "size_t": 240,
  "size_x": 80,
  "size_y": 80,
  "size_z": 36,
  "snr": 5.567389779110775,
  "spacing_tr": 2.0,
  "spacing_x": 3.0,
  "spacing_y": 3.0,
  "spacing_z": 3.299999952316284,
  "summary_bg_k": 103.35938401250895,
  "summary_bg_mad": 52.28979521447843,
  "summary_bg_mean": 514.6105346679688,
  "summary_bg_median": 48.1475830078125,
  "summary_bg_n": 157702.0,
  "summary_bg_p05": 4.152579140663147,
  "summary_bg_p95": 2494.4867553710874,
  "summary_bg_stdv": 1643.956787109375,
  "summary_fg_k": 2.285831914926818,
  "summary_fg_mad": 4232.342854980547,
  "summary_fg_mean": 27183.65625,
  "summary_fg_median": 26580.705078125,
  "summary_fg_n": 33109.0,
  "summary_fg_p05": 20729.177734375,
  "summary_fg_p95": 35373.51640625,
  "summary_fg_stdv": 4774.28466796875,
  "tsnr": 90.35568237304688
}