{
  "aor": 0.002173203463203463,
  "aqi": 0.0035310937662337664,
  "bids_meta": {
    "AcquisitionNumber": 7,
    "BidsifyVersion": "0.3.5",
    "ConversionSoftware": "dcm2niix",
    "ConversionSoftwareVersion": "v1.0.20181125  GCC6.3.0",
    "EchoTime": 0.02763,
    "EffectiveEchoSpacing": 0.0006909035636805814,
    "FlipAngle": 76.1,
    "ImageComments": "PIOP2",
    "ImageOrientationPatientDICOM": [
      0.995675,
      -0.0831255,
      0.0414826,
      0.0792357,
      0.992969,
      0.0879414
    ],
    "Manufacturer": "Philips",
    "NumberOfVolumesDiscardedByScanner": 2,
    "ParallelAcquisitionTechnique": "SENSE",
    "ParallelReductionFactorInPlane": 2,
    "PatientPosition": "HFS",
    "PhaseEncodingDirection": "j",
    "PhilipsRescaleIntercept": 0,
    "PhilipsRescaleSlope": 0.77167,
    "PhilipsScaleSlope": 0.0508644,
    "ProtocolName": "WIPtask-stop_boldSENSE",
    "PulseSequenceType": "gradient echo EPI",
    "ReconMatrixPE": 80,
    "RepetitionTime": 2,
    "SeriesDescription": "ImageMRSERIES",
    "SeriesNumber": 7,
    "SliceEncodingDirection": "k",
    "SliceTiming": [
      0.0,
      0.0556,
      0.1111,
      0.1667,
      0.2222,
      0.2778,
      0.3333,
      0.3889,
      0.4444,
      0.5,
      0.5556,
      0.6111,
      0.6667,
      0.7222,
      0.7778,
      0.8333,
      0.8889,
      0.9444,
      1.0,
      1.0556,
      1.1111,
      1.1667,
      1.2222,
      1.2778,
      1.3333,
      1.3889,
      1.4444,
      1.5,
      1.5556,
      1.6111,
      1.6667,
      1.7222,
      1.7778,
      1.8333,
      1.8889,
      1.9444
    ],
    "TaskName": "stopsignal",
    "TotalReadoutTime": 0.026945238983542674,
    "UsePhilipsFloatNotDisplayScaling": 1,
    "WaterFatShift": 12,
    "acq_id": "seq",
    "dataset": "ds002790",
    "modality": "bold",
    "subject_id": "0037",
    "task_id": "stopsignal"
  },
  "dummy_trs": 0,
  "dvars_nstd": 17.720120931434785,
  "dvars_std": 1.2581673521739127,
  "dvars_vstd": 1.0112748542608698,
  "efc": 0.4118259338880666,
  "fber": 270865.125,
  "fd_mean": 0.09678732169909794,
  "fd_num": 9,
  "fd_perc": 3.896103896103896,
  "fwhm_avg": 2.1182086963418807,
  "fwhm_x": 2.0678199999999998,
  "fwhm_y": 2.32,
  "fwhm_z": 1.9668060890256431,
  "gcor": 0.0200098,
  "gsr_x": -0.023833850398659706,
  "gsr_y": 0.017549922689795494,
  "provenance": {
    "md5sum": "e37ccf7dabf8d077fcdfcc171040f5e7",
    "settings": {
      "fd_thres": 0.2,
      "testing": false
    },
    "software": "mriqc",
    "version": "22.0.0rc1",
    "webapi_port": null,
    "webapi_url": "https://mriqc.nimh.nih.gov/api/v1"
  },
  "size_t": 231,
  "size_x": 80,
  "size_y": 80,
  "size_z": 36,
  "snr": 5.695721674901116,
  "spacing_tr": 2.0,
  "spacing_x": 3.0,
  "spacing_y": 3.0,
  "spacing_z": 3.299999952316284,
  "summary_bg_k": 100.64920397516035,
  "summary_bg_mad": 53.37517367231954,
  "summary_bg_mean": 524.73388671875,
  "summary_bg_median": 49.31502151489258,
  "summary_bg_n": 157954.0,
  "summary_bg_p05": 3.9698544144630437,
  "summary_bg_p95": 2545.5868896484417,
  "summary_bg_stdv": 1661.0107421875,
  "summary_fg_k": 1.9179440743165737,
  "summary_fg_mad": 4219.218060927076,
  "summary_fg_mean": 27069.462890625,
  "summary_fg_median": 26530.3984375,
  "summary_fg_n": 32942.0,
  "summary_fg_p05": 20744.24169921875,
  "summary_fg_p95": 35107.2875,
  "summary_fg_stdv": 4657.88134765625,
  "tsnr": 98.81287384033203
}