{
  "bids_meta": {
    "AcquisitionNumber": 2,
    "BidsifyVersion": "0.3.5",
    "ConversionSoftware": "dcm2niix",
    "ConversionSoftwareVersion": "v1.0.20181125  GCC6.3.0",
    "EchoTime": 0.00374,
    "ImageComments": "PIOP2",
    "ImageOrientationPatientDICOM": [
      0.99661,
      -0.0256273,
      0.0781747,
      0.0278378,
      0.999239,
      -0.0273197
    ],
    "Manufacturer": "Philips",
    "NumberSignalAcquisitions": 2,
    "PatientPosition": "HFS",
    "PhilipsRescaleIntercept": 0,
    "PhilipsRescaleSlope": 8.84298,
    "PhilipsScaleSlope": 0.0068645,
    "ProtocolName": "WIPT1anat_acq-6m_T1wSENSE",
    "ReconMatrixPE": 240,
    "RepetitionTime": 0.008176,
    "SeriesDescription": "ImageMRSERIES",
    "SeriesNumber": 2,
    "UsePhilipsFloatNotDisplayScaling": 1,
    "dataset": "ds002790",
    "modality": "T1w",
    "subject_id": "0162"
  },
  "cjv": 0.25201120177317415,
  "cnr": 4.672264065813424,
  "efc": 0.769225191097639,
  "fber": 1277.220947265625,
  "fwhm_avg": 4.618326666666666,
  "fwhm_x": 4.30075,
  "fwhm_y": 4.67564,
  "fwhm_z": 4.87859,
  "icvs_csf": 0.2624561752295731,
  "icvs_gm": 0.3951207772986004,
  "icvs_wm": 0.3424230474718265,
  "inu_med": 0.7155777215957642,
  "inu_range": 0.22034668922424316,
  "provenance": {
    "md5sum": "2d87e3a67f05ca3bb786d342f18305d4",
    "settings": {
      "testing": false
    },
    "software": "mriqc",
    "version": "22.0.0rc1",
    "warnings": {
      "large_rot_frame": true,
      "small_air_mask": true
    },
    "webapi_port": null,
    "webapi_url": "https://mriqc.nimh.nih.gov/api/v1"
  },
  "qi_1": 0.0001107188744782695,
  "qi_2": 6.718974346454199e-05,
  "rpve_csf": 22.550616027869555,
  "rpve_gm": 14.498405151870925,
  "rpve_wm": 21.68503099539802,
  "size_x": 240,
  "size_y": 240,
  "size_z": 220,
  "snr_csf": 3.222427282939024,
  "snr_gm": 9.32909791507414,
  "snr_total": 12.7785790206915,
  "snr_wm": 25.784211864061334,
  "snrd_csf": 20.931009822038565,
  "snrd_gm": 42.355547116943235,
  "snrd_total": 43.40203549045682,
  "snrd_wm": 66.91954953238866,
  "spacing_x": 1.0,
  "spacing_y": 1.0,
  "spacing_z": 1.0,
  "summary_bg_k": 88.78138316371408,
  "summary_bg_mad": 9.789912545516405,
  "summary_bg_mean": 9.80057430267334,
  "summary_bg_median": 6.782132625579834,
  "summary_bg_n": 213355.0,
  "summary_bg_p05": 0.0,
  "summary_bg_p95": 20.54875240325927,
  "summary_bg_stdv": 8.081586837768555,
  "summary_csf_k": -0.41435217522764356,
  "summary_csf_mad": 99.8543430443776,
  "summary_csf_mean": 298.6289367675781,
  "summary_csf_median": 312.7787780761719,
  "summary_csf_n": 17744.0,
  "summary_csf_p05": 129.91328964233398,
  "summary_csf_p95": 436.2506896972656,
  "summary_csf_stdv": 97.06036376953125,
  "summary_gm_k": 0.7342251113729343,
  "summary_gm_mad": 60.580643274920035,
  "summary_gm_mean": 638.2360229492188,
  "summary_gm_median": 632.9324951171875,
  "summary_gm_n": 19701.0,
  "summary_gm_p05": 536.8387451171875,
  "summary_gm_p95": 763.6076049804688,
  "summary_gm_stdv": 67.84326171875,
  "summary_wm_k": 2.048305740906997,
  "summary_wm_mad": 31.924541288650317,
  "summary_wm_mean": 997.5492553710938,
  "summary_wm_median": 1000.000244140625,
  "summary_wm_n": 201985.0,
  "summary_wm_p05": 928.28330078125,
  "summary_wm_p95": 1055.2195068359374,
  "summary_wm_stdv": 38.7833366394043,
  "tpm_overlap_csf": 0.16612865030765533,
  "tpm_overlap_gm": 0.44558945298194885,
  "tpm_overlap_wm": 0.5101274847984314,
  "wm2max": 0.6874716221993384
}