{
  "bids_meta": {
    "AcquisitionNumber": 2,
    "BidsifyVersion": "0.3.5",
    "ConversionSoftware": "dcm2niix",
    "ConversionSoftwareVersion": "v1.0.20181125  GCC6.3.0",
    "EchoTime": 0.00373,
    "ImageComments": "PIOP2",
    "ImageOrientationPatientDICOM": [
      0.999928,
      0.0031812,
      -0.0115568,
      -0.0033159,
      0.999927,
      -0.0116552
    ],
    "Manufacturer": "Philips",
    "NumberSignalAcquisitions": 2,
    "PatientPosition": "HFS",
    "PhilipsRescaleIntercept": 0,
    "PhilipsRescaleSlope": 9.16313,
    "PhilipsScaleSlope": 0.00721598,
    "ProtocolName": "WIPT1anat_acq-6m_T1wSENSE",
    "ReconMatrixPE": 240,
    "RepetitionTime": 0.008163,
    "SeriesDescription": "ImageMRSERIES",
    "SeriesNumber": 2,
    "UsePhilipsFloatNotDisplayScaling": 1,
    "dataset": "ds002790",
    "modality": "T1w",
    "subject_id": "0058"
  },
  "cjv": 0.2564749449639299,
  "cnr": 4.250984108424894,
  "efc": 0.753039411232793,
  "fber": 1516.4251708984375,
  "fwhm_avg": 4.685596666666666,
  "fwhm_x": 4.39794,
  "fwhm_y": 4.80198,
  "fwhm_z": 4.85687,
  "icvs_csf": 0.26559502935418106,
  "icvs_gm": 0.3684073130521614,
  "icvs_wm": 0.36599765759365754,
  "inu_med": 1.3754503726959229,
  "inu_range": 0.3768036484718318,
  "provenance": {
    "md5sum": "23bb942657d8caca30c08b92d5a6567d",
    "settings": {
      "testing": false
    },
    "software": "mriqc",
    "version": "22.0.0rc1",
    "warnings": {
      "large_rot_frame": true,
      "small_air_mask": true
    },
    "webapi_port": null,
    "webapi_url": "https://mriqc.nimh.nih.gov/api/v1"
  },
  "qi_1": 0.0,
  "qi_2": 4.580011369351463e-05,
  "rpve_csf": 24.518258947919147,
  "rpve_gm": 16.161717918096908,
  "rpve_wm": 21.86915900822202,
  "size_x": 240,
  "size_y": 240,
  "size_z": 220,
  "snr_csf": 3.4574401332809312,
  "snr_gm": 10.694740806418677,
  "snr_total": 14.301563792265574,
  "snr_wm": 28.752510437097108,
  "snrd_csf": 24.797602537320515,
  "snrd_gm": 46.84789064320552,
  "snrd_total": 47.525272081898805,
  "snrd_wm": 70.93032306517038,
  "spacing_x": 1.0,
  "spacing_y": 1.0,
  "spacing_z": 1.0,
  "summary_bg_k": 22.44357066429613,
  "summary_bg_mad": 9.236299373324044,
  "summary_bg_mean": 21.341938018798828,
  "summary_bg_median": 6.336613655090332,
  "summary_bg_n": 222774.0,
  "summary_bg_p05": 0.0,
  "summary_bg_p95": 92.69841384887692,
  "summary_bg_stdv": 36.81975555419922,
  "summary_csf_k": -0.3011777130135922,
  "summary_csf_mad": 98.89872564915963,
  "summary_csf_mean": 330.24896240234375,
  "summary_csf_median": 349.6036682128906,
  "summary_csf_n": 17671.0,
  "summary_csf_p05": 142.93299865722656,
  "summary_csf_p95": 467.90855407714844,
  "summary_csf_stdv": 101.11347198486328,
  "summary_gm_k": 0.6451731265191345,
  "summary_gm_mad": 56.94806875969357,
  "summary_gm_mean": 665.2832641601562,
  "summary_gm_median": 660.4749145507812,
  "summary_gm_n": 19353.0,
  "summary_gm_p05": 572.1969970703125,
  "summary_gm_p95": 773.2896362304687,
  "summary_gm_stdv": 61.75538635253906,
  "summary_wm_k": 1.3375980693886094,
  "summary_wm_mad": 30.130560027549638,
  "summary_wm_mean": 999.49609375,
  "summary_wm_median": 999.9959106445312,
  "summary_wm_n": 209346.0,
  "summary_wm_p05": 941.5949401855469,
  "summary_wm_p95": 1054.9183654785156,
  "summary_wm_stdv": 34.77934646606445,
  "tpm_overlap_csf": 0.16651740670204163,
  "tpm_overlap_gm": 0.4348204433917999,
  "tpm_overlap_wm": 0.5267037749290466,
  "wm2max": 0.7447934183442976
}