{
  "aor": 0.0023377500000000004,
  "aqi": 0.0042017174999999995,
  "bids_meta": {
    "AcquisitionNumber": 4,
    "BidsifyVersion": "0.3.5",
    "ConversionSoftware": "dcm2niix",
    "ConversionSoftwareVersion": "v1.0.20181125  GCC6.3.0",
    "EchoTime": 0.02763,
    "FlipAngle": 76.1,
    "ImageComments": "PIOP2",
    "ImageOrientationPatientDICOM": [
      0.999798,
      -0.0107681,
      -0.0169579,
      0.0099467,
      0.998807,
      -0.0478005
    ],
    "Manufacturer": "Philips",
    "NumberOfVolumesDiscardedByScanner": 2,
    "ParallelAcquisitionTechnique": "SENSE",
    "ParallelReductionFactorInPlane": 2,
    "PatientPosition": "HFS",
    "PhaseEncodingDirection": "j",
    "PhilipsRescaleIntercept": 0,
    "PhilipsRescaleSlope": 0.83175,
    "PhilipsScaleSlope": 0.0603794,
    "ProtocolName": "WIPtask-rest_boldSENSE",
    "PulseSequenceType": "gradient echo EPI",
    "ReconMatrixPE": 80,
    "RepetitionTime": 2,
    "SeriesDescription": "ImageMRSERIES",
    "SeriesNumber": 4,
    "SliceEncodingDirection": "k",
    "TaskName": "restingstate",
    "UsePhilipsFloatNotDisplayScaling": 1,
    "WaterFatShift": 12,
    "acq_id": "seq",
    "dataset": "ds002790",
    "modality": "bold",
    "subject_id": "0221",
    "task_id": "restingstate"
  },
  "dummy_trs": 0,
  "dvars_nstd": 20.75866079949791,
  "dvars_std": 1.3998161589539744,
  "dvars_vstd": 1.0257971978661091,
  "efc": 0.43719246937451406,
  "fber": 156594.671875,
  "fd_mean": 0.08036465216955899,
  "fd_num": 6,
  "fd_perc": 2.5,
  "fwhm_avg": 2.0291690998471092,
  "fwhm_x": 1.9968599999999999,
  "fwhm_y": 2.2349533333333333,
  "fwhm_z": 1.855693966207995,
  "gcor": 0.103862,
  "gsr_x": -0.014481144025921822,
  "gsr_y": 0.022131873294711113,
  "provenance": {
    "md5sum": "2b169dfa5da03a9d36084761fc7589d7",
    "settings": {
      "fd_thres": 0.2,
      "testing": false
    },
    "software": "mriqc",
    "version": "23.0.1",
    "webapi_port": null,
    "webapi_url": "https://mriqc.nimh.nih.gov/api/v1"
  },
  "size_t": 240,
  "size_x": 80,
  "size_y": 80,
  "size_z": 36,
  "snr": 6.48240732508773,
  "spacing_tr": 2.0,
  "spacing_x": 3.0,
  "spacing_y": 3.0,
  "spacing_z": 3.299999952316284,
  "summary_bg_k": 64.17857684281047,
  "summary_bg_mad": 72.05832272992575,
  "summary_bg_mean": 715.992919921875,
  "summary_bg_median": 63.96294403076172,
  "summary_bg_n": 155595.0,
  "summary_bg_p05": 8.431738948822021,
  "summary_bg_p95": 3655.45048828125,
  "summary_bg_stdv": 1828.072021484375,
  "summary_fg_k": 1.8463983083896256,
  "summary_fg_mad": 3706.977546579662,
  "summary_fg_mean": 25909.916015625,
  "summary_fg_median": 25580.478515625,
  "summary_fg_n": 34511.0,
  "summary_fg_p05": 20112.666015625,
  "summary_fg_p95": 32428.89453125,
  "summary_fg_stdv": 3946.08154296875,
  "tsnr": 92.18489837646484
}