{
  "aor": 0.002807,
  "aqi": 0.0019215096875000001,
  "bids_meta": {
    "AcquisitionNumber": 3,
    "BidsifyVersion": "0.3.5",
    "ConversionSoftware": "dcm2niix",
    "ConversionSoftwareVersion": "v1.0.20181125  GCC6.3.0",
    "EchoTime": 0.02763,
    "EffectiveEchoSpacing": 0.0006909035636805814,
    "FlipAngle": 76.1,
    "ImageComments": "PIOP2",
    "ImageOrientationPatientDICOM": [
      0.999462,
      -0.0253441,
      0.0208207,
      0.0212848,
      0.984125,
      0.176194
    ],
    "Manufacturer": "Philips",
    "NumberOfVolumesDiscardedByScanner": 2,
    "ParallelAcquisitionTechnique": "SENSE",
    "ParallelReductionFactorInPlane": 2,
    "PatientPosition": "HFS",
    "PhaseEncodingDirection": "j",
    "PhilipsRescaleIntercept": 0,
    "PhilipsRescaleSlope": 0.79878,
    "PhilipsScaleSlope": 0.043432,
    "ProtocolName": "WIPtask-wm_boldSENSE",
    "PulseSequenceType": "gradient echo EPI",
    "ReconMatrixPE": 80,
    "RepetitionTime": 2,
    "SeriesDescription": "ImageMRSERIES",
    "SeriesNumber": 3,
    "SliceEncodingDirection": "k",
    "SliceTiming": [
      0.0,
      0.0556,
      0.1111,
      0.1667,
      0.2222,
      0.2778,
      0.3333,
      0.3889,
      0.4444,
      0.5,
      0.5556,
      0.6111,
      0.6667,
      0.7222,
      0.7778,
      0.8333,
      0.8889,
      0.9444,
      1.0,
      1.0556,
      1.1111,
      1.1667,
      1.2222,
      1.2778,
      1.3333,
      1.3889,
      1.4444,
      1.5,
      1.5556,
      1.6111,
      1.6667,
      1.7222,
      1.7778,
      1.8333,
      1.8889,
      1.9444
    ],
    "TaskName": "workingmemory",
    "TotalReadoutTime": 0.026945238983542674,
    "UsePhilipsFloatNotDisplayScaling": 1,
    "WaterFatShift": 12,
    "acq_id": "seq",
    "dataset": "ds002790",
    "modality": "bold",
    "subject_id": "0047",
    "task_id": "workingmemory"
  },
  "dummy_trs": 0,
  "dvars_nstd": 14.070415160691823,
  "dvars_std": 1.1564433526415088,
  "dvars_vstd": 1.015962185534591,
  "efc": 0.4594153646200679,
  "fber": 196655.75,
  "fd_mean": 0.06989743007810859,
  "fd_num": 1,
  "fd_perc": 0.625,
  "fwhm_avg": 2.1152676864336786,
  "fwhm_x": 2.017,
  "fwhm_y": 2.321966666666667,
  "fwhm_z": 2.0068363926343684,
  "gcor": 0.0265486,
  "gsr_x": -0.016607288271188736,
  "gsr_y": 0.023361841216683388,
  "provenance": {
    "md5sum": "f6098a1b780336d09577555916cbdee7",
    "settings": {
      "fd_thres": 0.2,
      "testing": false
    },
    "software": "mriqc",
    "version": "22.0.0rc1",
    "webapi_port": null,
    "webapi_url": "https://mriqc.nimh.nih.gov/api/v1"
  },
  "size_t": 160,
  "size_x": 80,
  "size_y": 80,
  "size_z": 36,
  "snr": 4.9226134950284735,
  "spacing_tr": 2.0,
  "spacing_x": 3.0,
  "spacing_y": 3.0,
  "spacing_z": 3.299999952316284,
  "summary_bg_k": 126.00835424108047,
  "summary_bg_mad": 75.3222304198049,
  "summary_bg_mean": 599.4384155273438,
  "summary_bg_median": 66.86119079589844,
  "summary_bg_n": 145796.0,
  "summary_bg_p05": 3.7026893496513367,
  "summary_bg_p95": 2685.5957641601562,
  "summary_bg_stdv": 1843.5355224609375,
  "summary_fg_k": 1.450393191276496,
  "summary_fg_mad": 5549.896987647724,
  "summary_fg_mean": 31121.33203125,
  "summary_fg_median": 30285.12109375,
  "summary_fg_n": 43020.0,
  "summary_fg_p05": 22537.4470703125,
  "summary_fg_p95": 42143.45664062497,
  "summary_fg_stdv": 6152.1728515625,
  "tsnr": 123.99798583984375
}