{
  "aor": 0.003126074074074074,
  "aqi": 0.0027547089629629627,
  "bids_meta": {
    "AcquisitionNumber": 8,
    "BidsifyVersion": "0.3.5",
    "ConversionSoftware": "dcm2niix",
    "ConversionSoftwareVersion": "v1.0.20181125  GCC6.3.0",
    "EchoTime": 0.02763,
    "EffectiveEchoSpacing": 0.0006909035636805814,
    "FlipAngle": 76.1,
    "ImageComments": "PIOP2",
    "ImageOrientationPatientDICOM": [
      0.999462,
      -0.0253441,
      0.0208207,
      0.0212848,
      0.984125,
      0.176194
    ],
    "Manufacturer": "Philips",
    "NumberOfVolumesDiscardedByScanner": 2,
    "ParallelAcquisitionTechnique": "SENSE",
    "ParallelReductionFactorInPlane": 2,
    "PatientPosition": "HFS",
    "PhaseEncodingDirection": "j",
    "PhilipsRescaleIntercept": 0,
    "PhilipsRescaleSlope": 0.83639,
    "PhilipsScaleSlope": 0.0432103,
    "ProtocolName": "WIPtask-harriri_boldSENSE",
    "PulseSequenceType": "gradient echo EPI",
    "ReconMatrixPE": 80,
    "RepetitionTime": 2,
    "SeriesDescription": "ImageMRSERIES",
    "SeriesNumber": 8,
    "SliceEncodingDirection": "k",
    "SliceTiming": [
      0.0,
      0.0556,
      0.1111,
      0.1667,
      0.2222,
      0.2778,
      0.3333,
      0.3889,
      0.4444,
      0.5,
      0.5556,
      0.6111,
      0.6667,
      0.7222,
      0.7778,
      0.8333,
      0.8889,
      0.9444,
      1.0,
      1.0556,
      1.1111,
      1.1667,
      1.2222,
      1.2778,
      1.3333,
      1.3889,
      1.4444,
      1.5,
      1.5556,
      1.6111,
      1.6667,
      1.7222,
      1.7778,
      1.8333,
      1.8889,
      1.9444
    ],
    "TaskName": "emomatching",
    "TotalReadoutTime": 0.026945238983542674,
    "UsePhilipsFloatNotDisplayScaling": 1,
    "WaterFatShift": 12,
    "acq_id": "seq",
    "dataset": "ds002790",
    "modality": "bold",
    "subject_id": "0047",
    "task_id": "emomatching"
  },
  "dummy_trs": 0,
  "dvars_nstd": 13.432798520746267,
  "dvars_std": 1.138859364029851,
  "dvars_vstd": 1.0161123569402986,
  "efc": 0.4614737907230829,
  "fber": 201449.6875,
  "fd_mean": 0.0726669197018191,
  "fd_num": 0,
  "fd_perc": 0.0,
  "fwhm_avg": 2.1012443530769045,
  "fwhm_x": 1.9994533333333333,
  "fwhm_y": 2.30231,
  "fwhm_z": 2.0019697258973803,
  "gcor": 0.0118956,
  "gsr_x": -0.016927558928728104,
  "gsr_y": 0.024753300473093987,
  "provenance": {
    "md5sum": "c19c677b52cf333bf48fc10f589acebf",
    "settings": {
      "fd_thres": 0.2,
      "testing": false
    },
    "software": "mriqc",
    "version": "22.0.0rc1",
    "webapi_port": null,
    "webapi_url": "https://mriqc.nimh.nih.gov/api/v1"
  },
  "size_t": 135,
  "size_x": 80,
  "size_y": 80,
  "size_z": 36,
  "snr": 5.044676697475633,
  "spacing_tr": 2.0,
  "spacing_x": 3.0,
  "spacing_y": 3.0,
  "spacing_z": 3.299999952316284,
  "summary_bg_k": 135.41852889953685,
  "summary_bg_mad": 75.17722801023658,
  "summary_bg_mean": 626.5152587890625,
  "summary_bg_median": 64.75767517089844,
  "summary_bg_n": 145962.0,
  "summary_bg_p05": 3.9060073375701916,
  "summary_bg_p95": 2755.6880981445283,
  "summary_bg_stdv": 1936.8870849609375,
  "summary_fg_k": 1.4440661393261944,
  "summary_fg_mad": 5354.892808156096,
  "summary_fg_mean": 30538.677734375,
  "summary_fg_median": 29749.76953125,
  "summary_fg_n": 43058.0,
  "summary_fg_p05": 22449.28212890625,
  "summary_fg_p95": 41191.1220703125,
  "summary_fg_stdv": 5897.19140625,
  "tsnr": 114.05583190917969
}