{
  "aor": 0.0025282083333333333,
  "aqi": 0.002220706083333333,
  "bids_meta": {
    "AcquisitionNumber": 4,
    "BidsifyVersion": "0.3.5",
    "ConversionSoftware": "dcm2niix",
    "ConversionSoftwareVersion": "v1.0.20181125  GCC6.3.0",
    "EchoTime": 0.02763,
    "EffectiveEchoSpacing": 0.0006909035636805814,
    "FlipAngle": 76.1,
    "ImageComments": "PIOP2",
    "ImageOrientationPatientDICOM": [
      0.999462,
      -0.0253441,
      0.0208207,
      0.0212848,
      0.984125,
      0.176194
    ],
    "Manufacturer": "Philips",
    "NumberOfVolumesDiscardedByScanner": 2,
    "ParallelAcquisitionTechnique": "SENSE",
    "ParallelReductionFactorInPlane": 2,
    "PatientPosition": "HFS",
    "PhaseEncodingDirection": "j",
    "PhilipsRescaleIntercept": 0,
    "PhilipsRescaleSlope": 0.82515,
    "PhilipsScaleSlope": 0.0419896,
    "ProtocolName": "WIPtask-rest_boldSENSE",
    "PulseSequenceType": "gradient echo EPI",
    "ReconMatrixPE": 80,
    "RepetitionTime": 2,
    "SeriesDescription": "ImageMRSERIES",
    "SeriesNumber": 4,
    "SliceEncodingDirection": "k",
    "SliceTiming": [
      0.0,
      0.0556,
      0.1111,
      0.1667,
      0.2222,
      0.2778,
      0.3333,
      0.3889,
      0.4444,
      0.5,
      0.5556,
      0.6111,
      0.6667,
      0.7222,
      0.7778,
      0.8333,
      0.8889,
      0.9444,
      1.0,
      1.0556,
      1.1111,
      1.1667,
      1.2222,
      1.2778,
      1.3333,
      1.3889,
      1.4444,
      1.5,
      1.5556,
      1.6111,
      1.6667,
      1.7222,
      1.7778,
      1.8333,
      1.8889,
      1.9444
    ],
    "TaskName": "restingstate",
    "TotalReadoutTime": 0.026945238983542674,
    "UsePhilipsFloatNotDisplayScaling": 1,
    "WaterFatShift": 12,
    "acq_id": "seq",
    "dataset": "ds002790",
    "modality": "bold",
    "subject_id": "0047",
    "task_id": "restingstate"
  },
  "dummy_trs": 0,
  "dvars_nstd": 14.738028466652722,
  "dvars_std": 1.1775704941004184,
  "dvars_vstd": 1.0181561297907955,
  "efc": 0.4593687348078045,
  "fber": 197931.53125,
  "fd_mean": 0.0949170174797155,
  "fd_num": 1,
  "fd_perc": 0.4166666666666667,
  "fwhm_avg": 2.1160872823724612,
  "fwhm_x": 2.020113333333333,
  "fwhm_y": 2.325633333333333,
  "fwhm_z": 2.0025151804507164,
  "gcor": 0.0230279,
  "gsr_x": -0.01680782437324524,
  "gsr_y": 0.02463102713227272,
  "provenance": {
    "md5sum": "f834ec566acd3793a78aacf7c21358c5",
    "settings": {
      "fd_thres": 0.2,
      "testing": false
    },
    "software": "mriqc",
    "version": "22.0.0rc1",
    "webapi_port": null,
    "webapi_url": "https://mriqc.nimh.nih.gov/api/v1"
  },
  "size_t": 240,
  "size_x": 80,
  "size_y": 80,
  "size_z": 36,
  "snr": 4.8529246217309305,
  "spacing_tr": 2.0,
  "spacing_x": 3.0,
  "spacing_y": 3.0,
  "spacing_z": 3.299999952316284,
  "summary_bg_k": 144.37652380804414,
  "summary_bg_mad": 75.38284869030974,
  "summary_bg_mean": 607.9688720703125,
  "summary_bg_median": 66.77879333496094,
  "summary_bg_n": 145814.0,
  "summary_bg_p05": 3.651744306087494,
  "summary_bg_p95": 2716.398266601566,
  "summary_bg_stdv": 1915.7725830078125,
  "summary_fg_k": 1.6458133076321175,
  "summary_fg_mad": 5590.8886224234375,
  "summary_fg_mean": 31202.69140625,
  "summary_fg_median": 30310.837890625,
  "summary_fg_n": 43032.0,
  "summary_fg_p05": 22633.9291015625,
  "summary_fg_p95": 42362.64921874999,
  "summary_fg_stdv": 6245.818359375,
  "tsnr": 116.98379516601562
}