{
  "aor": 0.002740888888888889,
  "aqi": 0.004602388533333332,
  "bids_meta": {
    "AcquisitionNumber": 7,
    "BidsifyVersion": "0.3.5",
    "ConversionSoftware": "dcm2niix",
    "ConversionSoftwareVersion": "v1.0.20181125  GCC6.3.0",
    "EchoTime": 0.02763,
    "EffectiveEchoSpacing": 0.0006909035636805814,
    "FlipAngle": 76.1,
    "ImageComments": "PIOP2",
    "ImageOrientationPatientDICOM": [
      0.999363,
      0.0130767,
      -0.0332106,
      -0.0172695,
      0.991458,
      -0.129279
    ],
    "Manufacturer": "Philips",
    "NumberOfVolumesDiscardedByScanner": 2,
    "ParallelAcquisitionTechnique": "SENSE",
    "ParallelReductionFactorInPlane": 2,
    "PatientPosition": "HFS",
    "PhaseEncodingDirection": "j",
    "PhilipsRescaleIntercept": 0,
    "PhilipsRescaleSlope": 0.76777,
    "PhilipsScaleSlope": 0.0570659,
    "ProtocolName": "WIPtask-stop_boldSENSE",
    "PulseSequenceType": "gradient echo EPI",
    "ReconMatrixPE": 80,
    "RepetitionTime": 2,
    "SeriesDescription": "ImageMRSERIES",
    "SeriesNumber": 7,
    "SliceEncodingDirection": "k",
    "SliceTiming": [
      0.0,
      0.0556,
      0.1111,
      0.1667,
      0.2222,
      0.2778,
      0.3333,
      0.3889,
      0.4444,
      0.5,
      0.5556,
      0.6111,
      0.6667,
      0.7222,
      0.7778,
      0.8333,
      0.8889,
      0.9444,
      1.0,
      1.0556,
      1.1111,
      1.1667,
      1.2222,
      1.2778,
      1.3333,
      1.3889,
      1.4444,
      1.5,
      1.5556,
      1.6111,
      1.6667,
      1.7222,
      1.7778,
      1.8333,
      1.8889,
      1.9444
    ],
    "TaskName": "stopsignal",
    "TotalReadoutTime": 0.026945238983542674,
    "UsePhilipsFloatNotDisplayScaling": 1,
    "WaterFatShift": 12,
    "acq_id": "seq",
    "dataset": "ds002790",
    "modality": "bold",
    "subject_id": "0041",
    "task_id": "stopsignal"
  },
  "dummy_trs": 0,
  "dvars_nstd": 19.612555848571436,
  "dvars_std": 1.2986185183035712,
  "dvars_vstd": 1.0240594304464292,
  "efc": 0.47381157769293836,
  "fber": 179269.265625,
  "fd_mean": 0.13910497675454486,
  "fd_num": 35,
  "fd_perc": 15.555555555555555,
  "fwhm_avg": 1.9014734427967632,
  "fwhm_x": 1.8668733333333334,
  "fwhm_y": 2.0824833333333332,
  "fwhm_z": 1.7550636617236233,
  "gcor": 0.0752918,
  "gsr_x": -0.01272454485297203,
  "gsr_y": 0.02261054888367653,
  "provenance": {
    "md5sum": "26ab000426c74eec35a5164cfa1616de",
    "settings": {
      "fd_thres": 0.2,
      "testing": false
    },
    "software": "mriqc",
    "version": "22.0.0rc1",
    "webapi_port": null,
    "webapi_url": "https://mriqc.nimh.nih.gov/api/v1"
  },
  "size_t": 225,
  "size_x": 80,
  "size_y": 80,
  "size_z": 36,
  "snr": 6.682285776767957,
  "spacing_tr": 2.0,
  "spacing_x": 3.0,
  "spacing_y": 3.0,
  "spacing_z": 3.299999952316284,
  "summary_bg_k": 68.63225093725582,
  "summary_bg_mad": 67.92661972953866,
  "summary_bg_mean": 711.7825317382812,
  "summary_bg_median": 60.440574645996094,
  "summary_bg_n": 144960.0,
  "summary_bg_p05": 5.40251989364624,
  "summary_bg_p95": 3914.625842285153,
  "summary_bg_stdv": 2061.4130859375,
  "summary_fg_k": 1.5012811613086292,
  "summary_fg_mad": 3849.342108045696,
  "summary_fg_mean": 26454.3828125,
  "summary_fg_median": 26139.126953125,
  "summary_fg_n": 42524.0,
  "summary_fg_p05": 20885.31015625,
  "summary_fg_p95": 32887.3283203125,
  "summary_fg_stdv": 3911.658447265625,
  "tsnr": 90.34724426269531
}