{
  "aor": 0.0016935944700460829,
  "aqi": 0.0037316211981566825,
  "bids_meta": {
    "AcquisitionNumber": 7,
    "BidsifyVersion": "0.3.5",
    "ConversionSoftware": "dcm2niix",
    "ConversionSoftwareVersion": "v1.0.20181125  GCC6.3.0",
    "EchoTime": 0.02763,
    "EffectiveEchoSpacing": 0.0006909035636805814,
    "FlipAngle": 76.1,
    "ImageComments": "PIOP2",
    "ImageOrientationPatientDICOM": [
      0.998929,
      -0.0380377,
      -0.0263336,
      0.0359308,
      0.996436,
      -0.0763227
    ],
    "Manufacturer": "Philips",
    "NumberOfVolumesDiscardedByScanner": 2,
    "ParallelAcquisitionTechnique": "SENSE",
    "ParallelReductionFactorInPlane": 2,
    "PatientPosition": "HFS",
    "PhaseEncodingDirection": "j",
    "PhilipsRescaleIntercept": 0,
    "PhilipsRescaleSlope": 0.79292,
    "PhilipsScaleSlope": 0.0589225,
    "ProtocolName": "WIPtask-stop_boldSENSE",
    "PulseSequenceType": "gradient echo EPI",
    "ReconMatrixPE": 80,
    "RepetitionTime": 2,
    "SeriesDescription": "ImageMRSERIES",
    "SeriesNumber": 7,
    "SliceEncodingDirection": "k",
    "SliceTiming": [
      0.0,
      0.0556,
      0.1111,
      0.1667,
      0.2222,
      0.2778,
      0.3333,
      0.3889,
      0.4444,
      0.5,
      0.5556,
      0.6111,
      0.6667,
      0.7222,
      0.7778,
      0.8333,
      0.8889,
      0.9444,
      1.0,
      1.0556,
      1.1111,
      1.1667,
      1.2222,
      1.2778,
      1.3333,
      1.3889,
      1.4444,
      1.5,
      1.5556,
      1.6111,
      1.6667,
      1.7222,
      1.7778,
      1.8333,
      1.8889,
      1.9444
    ],
    "TaskName": "stopsignal",
    "TotalReadoutTime": 0.026945238983542674,
    "UsePhilipsFloatNotDisplayScaling": 1,
    "WaterFatShift": 12,
    "acq_id": "seq",
    "dataset": "ds002790",
    "modality": "bold",
    "subject_id": "0116",
    "task_id": "stopsignal"
  },
  "dummy_trs": 0,
  "dvars_nstd": 26.41718627791667,
  "dvars_std": 1.4458460944444442,
  "dvars_vstd": 0.9989499154629627,
  "efc": 0.4005315507562246,
  "fber": 279778.6875,
  "fd_mean": 0.14260319709341235,
  "fd_num": 30,
  "fd_perc": 13.824884792626728,
  "fwhm_avg": 1.921642231050132,
  "fwhm_x": 1.8397566666666665,
  "fwhm_y": 2.0923366666666667,
  "fwhm_z": 1.832833359817062,
  "gcor": 0.0290747,
  "gsr_x": -0.024636663496494293,
  "gsr_y": 0.017890622839331627,
  "provenance": {
    "md5sum": "379f9e83f0f8235929671ac298f0ace9",
    "settings": {
      "fd_thres": 0.2,
      "testing": false
    },
    "software": "mriqc",
    "version": "22.0.0rc1",
    "webapi_port": null,
    "webapi_url": "https://mriqc.nimh.nih.gov/api/v1"
  },
  "size_t": 217,
  "size_x": 80,
  "size_y": 80,
  "size_z": 36,
  "snr": 5.816505947484724,
  "spacing_tr": 2.0,
  "spacing_x": 3.0,
  "spacing_y": 3.0,
  "spacing_z": 3.299999952316284,
  "summary_bg_k": 150.38151686407818,
  "summary_bg_mad": 53.899704638042046,
  "summary_bg_mean": 460.5274658203125,
  "summary_bg_median": 49.852561950683594,
  "summary_bg_n": 159035.0,
  "summary_bg_p05": 3.598808479309083,
  "summary_bg_p95": 2225.193579101559,
  "summary_bg_stdv": 1467.08544921875,
  "summary_fg_k": 0.8676771361642293,
  "summary_fg_mad": 4516.77227219071,
  "summary_fg_mean": 27658.32421875,
  "summary_fg_median": 27284.05078125,
  "summary_fg_n": 31600.0,
  "summary_fg_p05": 20749.57001953125,
  "summary_fg_p95": 35596.2107421875,
  "summary_fg_stdv": 4690.72314453125,
  "tsnr": 96.54203033447266
}