{
  "aor": 0.0029275555555555556,
  "aqi": 0.0032857046666666663,
  "bids_meta": {
    "AcquisitionNumber": 8,
    "BidsifyVersion": "0.3.5",
    "ConversionSoftware": "dcm2niix",
    "ConversionSoftwareVersion": "v1.0.20181125  GCC6.3.0",
    "EchoTime": 0.02763,
    "EffectiveEchoSpacing": 0.0006909035636805814,
    "FlipAngle": 76.1,
    "ImageComments": "PIOP2",
    "ImageOrientationPatientDICOM": [
      0.998929,
      -0.0380377,
      -0.0263336,
      0.0359308,
      0.996436,
      -0.0763227
    ],
    "Manufacturer": "Philips",
    "NumberOfVolumesDiscardedByScanner": 2,
    "ParallelAcquisitionTechnique": "SENSE",
    "ParallelReductionFactorInPlane": 2,
    "PatientPosition": "HFS",
    "PhaseEncodingDirection": "j",
    "PhilipsRescaleIntercept": 0,
    "PhilipsRescaleSlope": 0.77411,
    "PhilipsScaleSlope": 0.0598857,
    "ProtocolName": "WIPtask-harriri_boldSENSE",
    "PulseSequenceType": "gradient echo EPI",
    "ReconMatrixPE": 80,
    "RepetitionTime": 2,
    "SeriesDescription": "ImageMRSERIES",
    "SeriesNumber": 8,
    "SliceEncodingDirection": "k",
    "SliceTiming": [
      0.0,
      0.0556,
      0.1111,
      0.1667,
      0.2222,
      0.2778,
      0.3333,
      0.3889,
      0.4444,
      0.5,
      0.5556,
      0.6111,
      0.6667,
      0.7222,
      0.7778,
      0.8333,
      0.8889,
      0.9444,
      1.0,
      1.0556,
      1.1111,
      1.1667,
      1.2222,
      1.2778,
      1.3333,
      1.3889,
      1.4444,
      1.5,
      1.5556,
      1.6111,
      1.6667,
      1.7222,
      1.7778,
      1.8333,
      1.8889,
      1.9444
    ],
    "TaskName": "emomatching",
    "TotalReadoutTime": 0.026945238983542674,
    "UsePhilipsFloatNotDisplayScaling": 1,
    "WaterFatShift": 12,
    "acq_id": "seq",
    "dataset": "ds002790",
    "modality": "bold",
    "subject_id": "0116",
    "task_id": "emomatching"
  },
  "dummy_trs": 0,
  "dvars_nstd": 26.15182196149253,
  "dvars_std": 1.483824554925372,
  "dvars_vstd": 1.0245522127611943,
  "efc": 0.40120113344027153,
  "fber": 290983.5,
  "fd_mean": 0.14146596198358177,
  "fd_num": 9,
  "fd_perc": 6.666666666666667,
  "fwhm_avg": 1.938989604879881,
  "fwhm_x": 1.8509366666666667,
  "fwhm_y": 2.11402,
  "fwhm_z": 1.852012147972976,
  "gcor": 0.0339673,
  "gsr_x": -0.02463684417307377,
  "gsr_y": 0.01792970672249794,
  "provenance": {
    "md5sum": "36c8d5db4bbf81b0b299ba9cba26a099",
    "settings": {
      "fd_thres": 0.2,
      "testing": false
    },
    "software": "mriqc",
    "version": "22.0.0rc1",
    "webapi_port": null,
    "webapi_url": "https://mriqc.nimh.nih.gov/api/v1"
  },
  "size_t": 135,
  "size_x": 80,
  "size_y": 80,
  "size_z": 36,
  "snr": 5.761730717336632,
  "spacing_tr": 2.0,
  "spacing_x": 3.0,
  "spacing_y": 3.0,
  "spacing_z": 3.299999952316284,
  "summary_bg_k": 138.60609535128924,
  "summary_bg_mad": 51.71491174192244,
  "summary_bg_mean": 456.6022033691406,
  "summary_bg_median": 48.31753158569336,
  "summary_bg_n": 158843.0,
  "summary_bg_p05": 3.190798115730286,
  "summary_bg_p95": 2201.389624023437,
  "summary_bg_stdv": 1442.4619140625,
  "summary_fg_k": 0.8657459642626395,
  "summary_fg_mad": 4521.699318430528,
  "summary_fg_mean": 27439.943359375,
  "summary_fg_median": 27088.830078125,
  "summary_fg_n": 31699.0,
  "summary_fg_p05": 20437.623046875,
  "summary_fg_p95": 35316.041796875,
  "summary_fg_stdv": 4701.43505859375,
  "tsnr": 104.56431579589844
}