{
  "aor": 0.0012852499999999997,
  "aqi": 0.005080268666666667,
  "bids_meta": {
    "AcquisitionNumber": 4,
    "BidsifyVersion": "0.3.5",
    "ConversionSoftware": "dcm2niix",
    "ConversionSoftwareVersion": "v1.0.20181125  GCC6.3.0",
    "EchoTime": 0.02763,
    "EffectiveEchoSpacing": 0.0006909035636805814,
    "FlipAngle": 76.1,
    "ImageComments": "PIOP2",
    "ImageOrientationPatientDICOM": [
      0.999133,
      -0.000935873,
      0.0416175,
      0.00610343,
      0.992236,
      -0.124215
    ],
    "Manufacturer": "Philips",
    "NumberOfVolumesDiscardedByScanner": 2,
    "ParallelAcquisitionTechnique": "SENSE",
    "ParallelReductionFactorInPlane": 2,
    "PatientPosition": "HFS",
    "PhaseEncodingDirection": "j",
    "PhilipsRescaleIntercept": 0,
    "PhilipsRescaleSlope": 0.75922,
    "PhilipsScaleSlope": 0.0646322,
    "ProtocolName": "WIPtask-rest_boldSENSE",
    "PulseSequenceType": "gradient echo EPI",
    "ReconMatrixPE": 80,
    "RepetitionTime": 2,
    "SeriesDescription": "ImageMRSERIES",
    "SeriesNumber": 4,
    "SliceEncodingDirection": "k",
    "SliceTiming": [
      0.0,
      0.0556,
      0.1111,
      0.1667,
      0.2222,
      0.2778,
      0.3333,
      0.3889,
      0.4444,
      0.5,
      0.5556,
      0.6111,
      0.6667,
      0.7222,
      0.7778,
      0.8333,
      0.8889,
      0.9444,
      1.0,
      1.0556,
      1.1111,
      1.1667,
      1.2222,
      1.2778,
      1.3333,
      1.3889,
      1.4444,
      1.5,
      1.5556,
      1.6111,
      1.6667,
      1.7222,
      1.7778,
      1.8333,
      1.8889,
      1.9444
    ],
    "TaskName": "restingstate",
    "TotalReadoutTime": 0.026945238983542674,
    "UsePhilipsFloatNotDisplayScaling": 1,
    "WaterFatShift": 12,
    "acq_id": "seq",
    "dataset": "ds002790",
    "modality": "bold",
    "subject_id": "0103",
    "task_id": "restingstate"
  },
  "dummy_trs": 0,
  "dvars_nstd": 17.607208451255236,
  "dvars_std": 1.1876709794979083,
  "dvars_vstd": 0.9813586691213393,
  "efc": 0.4284126771345604,
  "fber": 264620.125,
  "fd_mean": 0.12789269016952629,
  "fd_num": 34,
  "fd_perc": 14.166666666666666,
  "fwhm_avg": 1.96298182680123,
  "fwhm_x": 1.96671,
  "fwhm_y": 2.1326899999999998,
  "fwhm_z": 1.7895454804036903,
  "gcor": 0.0207257,
  "gsr_x": -0.013420280069112778,
  "gsr_y": 0.00758146308362484,
  "provenance": {
    "md5sum": "ff30d64d3f8b6118e314e4cc035753e1",
    "settings": {
      "fd_thres": 0.2,
      "testing": false
    },
    "software": "mriqc",
    "version": "22.0.0rc1",
    "webapi_port": null,
    "webapi_url": "https://mriqc.nimh.nih.gov/api/v1"
  },
  "size_t": 240,
  "size_x": 80,
  "size_y": 80,
  "size_z": 36,
  "snr": 6.476854462122621,
  "spacing_tr": 2.0,
  "spacing_x": 3.0,
  "spacing_y": 3.0,
  "spacing_z": 3.299999952316284,
  "summary_bg_k": 137.36262464730697,
  "summary_bg_mad": 49.97359121149567,
  "summary_bg_mean": 448.0719299316406,
  "summary_bg_median": 45.43193817138672,
  "summary_bg_n": 153812.0,
  "summary_bg_p05": 3.826211380958557,
  "summary_bg_p95": 2011.8630981445299,
  "summary_bg_stdv": 1552.1025390625,
  "summary_fg_k": 1.0586144659208863,
  "summary_fg_mad": 3600.8209111686947,
  "summary_fg_mean": 24065.736328125,
  "summary_fg_median": 23935.1953125,
  "summary_fg_n": 36018.0,
  "summary_fg_p05": 18482.150292968752,
  "summary_fg_p95": 30034.7001953125,
  "summary_fg_stdv": 3695.445556640625,
  "tsnr": 88.51241302490234
}