{
  "aor": 0.0017190748898678412,
  "aqi": 0.0036943792511013214,
  "bids_meta": {
    "AcquisitionNumber": 7,
    "BidsifyVersion": "0.3.5",
    "ConversionSoftware": "dcm2niix",
    "ConversionSoftwareVersion": "v1.0.20181125  GCC6.3.0",
    "EchoTime": 0.02763,
    "EffectiveEchoSpacing": 0.0006909035636805814,
    "FlipAngle": 76.1,
    "ImageComments": "PIOP2",
    "ImageOrientationPatientDICOM": [
      0.999133,
      -0.000935873,
      0.0416175,
      0.00610343,
      0.992236,
      -0.124215
    ],
    "Manufacturer": "Philips",
    "NumberOfVolumesDiscardedByScanner": 2,
    "ParallelAcquisitionTechnique": "SENSE",
    "ParallelReductionFactorInPlane": 2,
    "PatientPosition": "HFS",
    "PhaseEncodingDirection": "j",
    "PhilipsRescaleIntercept": 0,
    "PhilipsRescaleSlope": 0.76777,
    "PhilipsScaleSlope": 0.0643187,
    "ProtocolName": "WIPtask-stop_boldSENSE",
    "PulseSequenceType": "gradient echo EPI",
    "ReconMatrixPE": 80,
    "RepetitionTime": 2,
    "SeriesDescription": "ImageMRSERIES",
    "SeriesNumber": 7,
    "SliceEncodingDirection": "k",
    "SliceTiming": [
      0.0,
      0.0556,
      0.1111,
      0.1667,
      0.2222,
      0.2778,
      0.3333,
      0.3889,
      0.4444,
      0.5,
      0.5556,
      0.6111,
      0.6667,
      0.7222,
      0.7778,
      0.8333,
      0.8889,
      0.9444,
      1.0,
      1.0556,
      1.1111,
      1.1667,
      1.2222,
      1.2778,
      1.3333,
      1.3889,
      1.4444,
      1.5,
      1.5556,
      1.6111,
      1.6667,
      1.7222,
      1.7778,
      1.8333,
      1.8889,
      1.9444
    ],
    "TaskName": "stopsignal",
    "TotalReadoutTime": 0.026945238983542674,
    "UsePhilipsFloatNotDisplayScaling": 1,
    "WaterFatShift": 12,
    "acq_id": "seq",
    "dataset": "ds002790",
    "modality": "bold",
    "subject_id": "0103",
    "task_id": "stopsignal"
  },
  "dummy_trs": 0,
  "dvars_nstd": 16.303725799469017,
  "dvars_std": 1.1863224615929202,
  "dvars_vstd": 1.007847821858407,
  "efc": 0.4295742208149514,
  "fber": 283343.28125,
  "fd_mean": 0.10552029730332287,
  "fd_num": 14,
  "fd_perc": 6.167400881057269,
  "fwhm_avg": 1.9454873823060517,
  "fwhm_x": 1.9410933333333331,
  "fwhm_y": 2.116356666666667,
  "fwhm_z": 1.7790121469181543,
  "gcor": 0.0235735,
  "gsr_x": -0.013504145666956902,
  "gsr_y": 0.007859362289309502,
  "provenance": {
    "md5sum": "819e084d4a3dcf9a67b4e28f940cfd03",
    "settings": {
      "fd_thres": 0.2,
      "testing": false
    },
    "software": "mriqc",
    "version": "22.0.0rc1",
    "webapi_port": null,
    "webapi_url": "https://mriqc.nimh.nih.gov/api/v1"
  },
  "size_t": 227,
  "size_x": 80,
  "size_y": 80,
  "size_z": 36,
  "snr": 6.532198292988895,
  "spacing_tr": 2.0,
  "spacing_x": 3.0,
  "spacing_y": 3.0,
  "spacing_z": 3.299999952316284,
  "summary_bg_k": 130.10838289674456,
  "summary_bg_mad": 48.0346181452241,
  "summary_bg_mean": 453.9475402832031,
  "summary_bg_median": 44.03469467163086,
  "summary_bg_n": 153642.0,
  "summary_bg_p05": 3.2315755367279055,
  "summary_bg_p95": 2047.5705200195287,
  "summary_bg_stdv": 1551.17919921875,
  "summary_fg_k": 1.1298159013315088,
  "summary_fg_mad": 3561.879437273258,
  "summary_fg_mean": 24130.953125,
  "summary_fg_median": 24025.90234375,
  "summary_fg_n": 36195.0,
  "summary_fg_p05": 18560.1185546875,
  "summary_fg_p95": 30054.295312499995,
  "summary_fg_stdv": 3678.022216796875,
  "tsnr": 104.35987091064453
}