{
  "bids_meta": {
    "AcquisitionNumber": 2,
    "BidsifyVersion": "0.3.5",
    "ConversionSoftware": "dcm2niix",
    "ConversionSoftwareVersion": "v1.0.20181125  GCC6.3.0",
    "EchoTime": 0.00375,
    "ImageComments": "PIOP2",
    "ImageOrientationPatientDICOM": [
      0.995551,
      -0.0838666,
      0.0429397,
      0.0834238,
      0.996442,
      0.012005
    ],
    "Manufacturer": "Philips",
    "NumberSignalAcquisitions": 2,
    "PatientPosition": "HFS",
    "PhilipsRescaleIntercept": 0,
    "PhilipsRescaleSlope": 9.06569,
    "PhilipsScaleSlope": 0.00720781,
    "ProtocolName": "WIPT1anat_acq-6m_T1wSENSE",
    "ReconMatrixPE": 240,
    "RepetitionTime": 0.008167,
    "SeriesDescription": "ImageMRSERIES",
    "SeriesNumber": 2,
    "UsePhilipsFloatNotDisplayScaling": 1,
    "dataset": "ds002790",
    "modality": "T1w",
    "subject_id": "0037"
  },
  "cjv": 0.27118561045190176,
  "cnr": 4.698977484300487,
  "efc": 0.74960970564225,
  "fber": 805.3132934570312,
  "fwhm_avg": 4.51195,
  "fwhm_x": 4.1972,
  "fwhm_y": 4.64642,
  "fwhm_z": 4.69223,
  "icvs_csf": 0.24837629223668345,
  "icvs_gm": 0.40506308041706846,
  "icvs_wm": 0.3465606273462481,
  "inu_med": 1.6384780406951904,
  "inu_range": 0.2855355739593506,
  "provenance": {
    "md5sum": "a3ca99f0f5b763cd15724295607b7655",
    "settings": {
      "testing": false
    },
    "software": "mriqc",
    "version": "22.0.0rc1",
    "warnings": {
      "large_rot_frame": true,
      "small_air_mask": true
    },
    "webapi_port": null,
    "webapi_url": "https://mriqc.nimh.nih.gov/api/v1"
  },
  "qi_1": 0.0,
  "qi_2": 0.0001631410824387802,
  "rpve_csf": 26.30489082164463,
  "rpve_gm": 16.00889508008904,
  "rpve_wm": 24.27155010598176,
  "size_x": 240,
  "size_y": 240,
  "size_z": 220,
  "snr_csf": 2.821419991865539,
  "snr_gm": 9.401947170702751,
  "snr_total": 12.340736733624055,
  "snr_wm": 24.79884303830388,
  "snrd_csf": 24.556462318079536,
  "snrd_gm": 54.141887221605884,
  "snrd_total": 54.83202917343422,
  "snrd_wm": 85.79773798061724,
  "spacing_x": 1.0,
  "spacing_y": 1.0,
  "spacing_z": 1.0,
  "summary_bg_k": 63.0972363467784,
  "summary_bg_mad": 7.635764237087897,
  "summary_bg_mean": 7.034825801849365,
  "summary_bg_median": 5.248798370361328,
  "summary_bg_n": 135399.0,
  "summary_bg_p05": 0.0,
  "summary_bg_p95": 16.026721954345703,
  "summary_bg_stdv": 5.882848262786865,
  "summary_csf_k": -0.45593752343944516,
  "summary_csf_mad": 108.04574518660701,
  "summary_csf_mean": 270.66229248046875,
  "summary_csf_median": 286.211181640625,
  "summary_csf_n": 9310.0,
  "summary_csf_p05": 99.47084503173828,
  "summary_csf_p95": 410.9562271118164,
  "summary_csf_stdv": 101.43679809570312,
  "summary_gm_k": 0.2896598190554247,
  "summary_gm_mad": 64.71177717264507,
  "summary_gm_mean": 634.7420043945312,
  "summary_gm_median": 631.0360717773438,
  "summary_gm_n": 16772.0,
  "summary_gm_p05": 533.6724548339844,
  "summary_gm_p95": 752.4223968505859,
  "summary_gm_stdv": 67.11559295654297,
  "summary_wm_k": 0.9247252030736499,
  "summary_wm_mad": 35.34382885142209,
  "summary_wm_mean": 996.0128173828125,
  "summary_wm_median": 999.9922485351562,
  "summary_wm_n": 177435.0,
  "summary_wm_p05": 922.1833312988281,
  "summary_wm_p95": 1055.6160766601563,
  "summary_wm_stdv": 40.32403564453125,
  "tpm_overlap_csf": 0.17209064960479736,
  "tpm_overlap_gm": 0.45318129658699036,
  "tpm_overlap_wm": 0.5114514231681824,
  "wm2max": 0.8271072426648909
}