{
  "bids_meta": {
    "AcquisitionNumber": 2,
    "BidsifyVersion": "0.3.5",
    "ConversionSoftware": "dcm2niix",
    "ConversionSoftwareVersion": "v1.0.20181125  GCC6.3.0",
    "EchoTime": 0.00374,
    "ImageComments": "PIOP2",
    "ImageOrientationPatientDICOM": [
      0.998134,
      0.0446769,
      -0.0416255,
      -0.0460233,
      0.998429,
      -0.0319696
    ],
    "Manufacturer": "Philips",
    "NumberSignalAcquisitions": 2,
    "PatientPosition": "HFS",
    "PhilipsRescaleIntercept": 0,
    "PhilipsRescaleSlope": 8.64151,
    "PhilipsScaleSlope": 0.00729734,
    "ProtocolName": "WIPT1anat_acq-6m_T1wSENSE",
    "ReconMatrixPE": 240,
    "RepetitionTime": 0.008163,
    "SeriesDescription": "ImageMRSERIES",
    "SeriesNumber": 2,
    "UsePhilipsFloatNotDisplayScaling": 1,
    "dataset": "ds002790",
    "modality": "T1w",
    "subject_id": "0094"
  },
  "cjv": 0.28152145403261664,
  "cnr": 4.377601409909245,
  "efc": 0.7449268273369929,
  "fber": 863.1627807617188,
  "fwhm_avg": 4.472296760199473,
  "fwhm_x": 4.29673,
  "fwhm_y": 4.4125,
  "fwhm_z": 4.707660280598419,
  "icvs_csf": 0.2348428965955611,
  "icvs_gm": 0.4139018486924494,
  "icvs_wm": 0.35125525471198954,
  "inu_med": 2.0189146995544434,
  "inu_range": 0.3670145988464357,
  "provenance": {
    "md5sum": "6947f2d4ed53aed98341d565c4dd56b2",
    "settings": {
      "testing": false
    },
    "software": "mriqc",
    "version": "22.0.0rc1",
    "warnings": {
      "large_rot_frame": true,
      "small_air_mask": true
    },
    "webapi_port": null,
    "webapi_url": "https://mriqc.nimh.nih.gov/api/v1"
  },
  "qi_1": 0.00016404410534848115,
  "qi_2": 5.701493938892907e-05,
  "rpve_csf": 32.00623899524697,
  "rpve_gm": 18.729853835982794,
  "rpve_wm": 27.886301391059465,
  "size_x": 240,
  "size_y": 240,
  "size_z": 220,
  "snr_csf": 2.7919016608832945,
  "snr_gm": 9.15418715016602,
  "snr_total": 12.557301943227626,
  "snr_wm": 25.725817018633563,
  "snrd_csf": 25.361494169050772,
  "snrd_gm": 56.23543223882181,
  "snrd_total": 56.303628261695195,
  "snrd_wm": 87.313958377213,
  "spacing_x": 1.0,
  "spacing_y": 1.0,
  "spacing_z": 0.9999999403953552,
  "summary_bg_k": 64.26557446434106,
  "summary_bg_mad": 7.5031551867951585,
  "summary_bg_mean": 9.65943717956543,
  "summary_bg_median": 5.195064544677734,
  "summary_bg_n": 164234.0,
  "summary_bg_p05": 0.0,
  "summary_bg_p95": 25.67967586517334,
  "summary_bg_stdv": 12.264348030090332,
  "summary_csf_k": -0.6149040898477813,
  "summary_csf_mad": 117.22411980637325,
  "summary_csf_mean": 276.2399597167969,
  "summary_csf_median": 290.4604797363281,
  "summary_csf_n": 10381.0,
  "summary_csf_p05": 111.2480697631836,
  "summary_csf_p95": 433.160888671875,
  "summary_csf_stdv": 104.03177642822266,
  "summary_gm_k": 0.49857040754729853,
  "summary_gm_mad": 65.60695798603415,
  "summary_gm_mean": 650.5125122070312,
  "summary_gm_median": 644.053955078125,
  "summary_gm_n": 17889.0,
  "summary_gm_p05": 547.442919921875,
  "summary_gm_p95": 779.2805908203125,
  "summary_gm_stdv": 70.354248046875,
  "summary_wm_k": 0.9952732064555345,
  "summary_wm_mad": 34.59682681811131,
  "summary_wm_mean": 999.1956176757812,
  "summary_wm_median": 999.9905395507812,
  "summary_wm_n": 154747.0,
  "summary_wm_p05": 933.1111938476563,
  "summary_wm_p95": 1060.9126953125,
  "summary_wm_stdv": 38.87096405029297,
  "tpm_overlap_csf": 0.17893606424331665,
  "tpm_overlap_gm": 0.4568508565425873,
  "tpm_overlap_wm": 0.5123901963233948,
  "wm2max": 0.7893706819834263
}