{
  "bids_meta": {
    "AcquisitionNumber": 2,
    "BidsifyVersion": "0.3.5",
    "ConversionSoftware": "dcm2niix",
    "ConversionSoftwareVersion": "v1.0.20181125  GCC6.3.0",
    "EchoTime": 0.00377,
    "ImageComments": "PIOP2",
    "ImageOrientationPatientDICOM": [
      0.995748,
      0.0793887,
      -0.0467173,
      -0.077318,
      0.996009,
      0.0445798
    ],
    "Manufacturer": "Philips",
    "NumberSignalAcquisitions": 2,
    "PatientPosition": "HFS",
    "PhilipsRescaleIntercept": 0,
    "PhilipsRescaleSlope": 8.65324,
    "PhilipsScaleSlope": 0.00695328,
    "ProtocolName": "WIPT1anat_acq-6m_T1wSENSE",
    "ReconMatrixPE": 240,
    "RepetitionTime": 0.008203,
    "SeriesDescription": "ImageMRSERIES",
    "SeriesNumber": 2,
    "UsePhilipsFloatNotDisplayScaling": 1,
    "dataset": "ds002790",
    "modality": "T1w",
    "subject_id": "0111"
  },
  "cjv": 0.2806730489928741,
  "cnr": 4.145271582019846,
  "efc": 0.7864231995305079,
  "fber": 1916.4022216796875,
  "fwhm_avg": 4.789593333333333,
  "fwhm_x": 4.47902,
  "fwhm_y": 4.88478,
  "fwhm_z": 5.00498,
  "icvs_csf": 0.2290491171054039,
  "icvs_gm": 0.4082331988977901,
  "icvs_wm": 0.362717683996806,
  "inu_med": 1.5189012289047241,
  "inu_range": 0.45585849285125746,
  "provenance": {
    "md5sum": "58e5d1258f11bd3b4b17e3b5451bf616",
    "settings": {
      "testing": false
    },
    "software": "mriqc",
    "version": "22.0.0rc1",
    "warnings": {
      "large_rot_frame": true,
      "small_air_mask": true
    },
    "webapi_port": null,
    "webapi_url": "https://mriqc.nimh.nih.gov/api/v1"
  },
  "qi_1": 0.0007173396222222928,
  "qi_2": 0.00012474648132331312,
  "rpve_csf": 23.6284386823634,
  "rpve_gm": 13.495407191483785,
  "rpve_wm": 19.19417022788222,
  "size_x": 240,
  "size_y": 240,
  "size_z": 220,
  "snr_csf": 2.929297315616872,
  "snr_gm": 9.094799568939626,
  "snr_total": 12.40021285058784,
  "snr_wm": 25.17654166720702,
  "snrd_csf": 25.567068865937838,
  "snrd_gm": 51.79489930927166,
  "snrd_total": 52.05708330256999,
  "snrd_wm": 78.80928173250047,
  "spacing_x": 1.0,
  "spacing_y": 1.0,
  "spacing_z": 1.0,
  "summary_bg_k": 8.154482538988457,
  "summary_bg_mad": 8.312900258375684,
  "summary_bg_mean": 8.302448272705078,
  "summary_bg_median": 5.831454277038574,
  "summary_bg_n": 145283.0,
  "summary_bg_p05": 0.0,
  "summary_bg_p95": 17.76899242401123,
  "summary_bg_stdv": 6.211021423339844,
  "summary_csf_k": -0.7751182593096653,
  "summary_csf_mad": 125.09024124793766,
  "summary_csf_mean": 312.21124267578125,
  "summary_csf_median": 324.4156494140625,
  "summary_csf_n": 14820.0,
  "summary_csf_p05": 122.77348518371582,
  "summary_csf_p95": 473.13370513916016,
  "summary_csf_stdv": 110.74488830566406,
  "summary_gm_k": 0.9957885079085242,
  "summary_gm_mad": 62.85119464000995,
  "summary_gm_mean": 665.5860595703125,
  "summary_gm_median": 657.215576171875,
  "summary_gm_n": 32844.0,
  "summary_gm_p05": 562.2301147460937,
  "summary_gm_p95": 803.0545288085938,
  "summary_gm_stdv": 72.26168823242188,
  "summary_wm_k": 1.6245663011104643,
  "summary_wm_mad": 33.35800697122767,
  "summary_wm_mean": 997.5463256835938,
  "summary_wm_median": 999.9959106445312,
  "summary_wm_n": 229275.0,
  "summary_wm_p05": 927.1897583007812,
  "summary_wm_p95": 1057.2772827148438,
  "summary_wm_stdv": 39.71926498413086,
  "tpm_overlap_csf": 0.16875973343849182,
  "tpm_overlap_gm": 0.44604164361953735,
  "tpm_overlap_wm": 0.5100213289260864,
  "wm2max": 0.7556869076152563
}