{
  "aor": 0.002322875,
  "aqi": 0.0030549455,
  "bids_meta": {
    "AcquisitionNumber": 3,
    "BidsifyVersion": "0.3.5",
    "ConversionSoftware": "dcm2niix",
    "ConversionSoftwareVersion": "v1.0.20181125  GCC6.3.0",
    "EchoTime": 0.02763,
    "EffectiveEchoSpacing": 0.0006909035636805814,
    "FlipAngle": 76.1,
    "ImageComments": "PIOP2",
    "ImageOrientationPatientDICOM": [
      0.999599,
      0.01304,
      -0.0251495,
      -0.0127365,
      0.999845,
      0.0121894
    ],
    "Manufacturer": "Philips",
    "NumberOfVolumesDiscardedByScanner": 2,
    "ParallelAcquisitionTechnique": "SENSE",
    "ParallelReductionFactorInPlane": 2,
    "PatientPosition": "HFS",
    "PhaseEncodingDirection": "j",
    "PhilipsRescaleIntercept": 0,
    "PhilipsRescaleSlope": 0.76703,
    "PhilipsScaleSlope": 0.0539015,
    "ProtocolName": "WIPtask-wm_boldSENSE",
    "PulseSequenceType": "gradient echo EPI",
    "ReconMatrixPE": 80,
    "RepetitionTime": 2,
    "SeriesDescription": "ImageMRSERIES",
    "SeriesNumber": 3,
    "SliceEncodingDirection": "k",
    "SliceTiming": [
      0.0,
      0.0556,
      0.1111,
      0.1667,
      0.2222,
      0.2778,
      0.3333,
      0.3889,
      0.4444,
      0.5,
      0.5556,
      0.6111,
      0.6667,
      0.7222,
      0.7778,
      0.8333,
      0.8889,
      0.9444,
      1.0,
      1.0556,
      1.1111,
      1.1667,
      1.2222,
      1.2778,
      1.3333,
      1.3889,
      1.4444,
      1.5,
      1.5556,
      1.6111,
      1.6667,
      1.7222,
      1.7778,
      1.8333,
      1.8889,
      1.9444
    ],
    "TaskName": "workingmemory",
    "TotalReadoutTime": 0.026945238983542674,
    "UsePhilipsFloatNotDisplayScaling": 1,
    "WaterFatShift": 12,
    "acq_id": "seq",
    "dataset": "ds002790",
    "modality": "bold",
    "subject_id": "0098",
    "task_id": "workingmemory"
  },
  "dummy_trs": 0,
  "dvars_nstd": 19.284275804779877,
  "dvars_std": 1.3448700327044028,
  "dvars_vstd": 1.0129156325786164,
  "efc": 0.4181615742634909,
  "fber": 257052.421875,
  "fd_mean": 0.12415300744983386,
  "fd_num": 17,
  "fd_perc": 10.625,
  "fwhm_avg": 2.0652974840808436,
  "fwhm_x": 1.9909533333333334,
  "fwhm_y": 2.2671633333333334,
  "fwhm_z": 1.9377757855758635,
  "gcor": 0.0336754,
  "gsr_x": -0.014819245785474777,
  "gsr_y": 0.013296687975525856,
  "provenance": {
    "md5sum": "ba010fc4d608aba96db50297aa368d8a",
    "settings": {
      "fd_thres": 0.2,
      "testing": false
    },
    "software": "mriqc",
    "version": "22.0.0rc1",
    "webapi_port": null,
    "webapi_url": "https://mriqc.nimh.nih.gov/api/v1"
  },
  "size_t": 160,
  "size_x": 80,
  "size_y": 80,
  "size_z": 36,
  "snr": 5.586076184048365,
  "spacing_tr": 2.0,
  "spacing_x": 3.0,
  "spacing_y": 3.0,
  "spacing_z": 3.299999952316284,
  "summary_bg_k": 104.94175864303185,
  "summary_bg_mad": 53.74844704791011,
  "summary_bg_mean": 506.1413269042969,
  "summary_bg_median": 49.41534423828125,
  "summary_bg_n": 156426.0,
  "summary_bg_p05": 4.974922776222229,
  "summary_bg_p95": 2448.3070068359375,
  "summary_bg_stdv": 1478.525390625,
  "summary_fg_k": 1.5820708291454766,
  "summary_fg_mad": 4175.825884668666,
  "summary_fg_mean": 25869.72265625,
  "summary_fg_median": 25672.0234375,
  "summary_fg_n": 33920.0,
  "summary_fg_p05": 18691.8751953125,
  "summary_fg_p95": 33249.6810546875,
  "summary_fg_stdv": 4595.64892578125,
  "tsnr": 104.3105697631836
}