{
  "aor": 0.0031780454545454547,
  "aqi": 0.002735880727272727,
  "bids_meta": {
    "AcquisitionNumber": 7,
    "BidsifyVersion": "0.3.5",
    "ConversionSoftware": "dcm2niix",
    "ConversionSoftwareVersion": "v1.0.20181125  GCC6.3.0",
    "EchoTime": 0.02763,
    "EffectiveEchoSpacing": 0.0006909035636805814,
    "FlipAngle": 76.1,
    "ImageComments": "PIOP2",
    "ImageOrientationPatientDICOM": [
      0.999599,
      0.01304,
      -0.0251495,
      -0.0127365,
      0.999845,
      0.0121894
    ],
    "Manufacturer": "Philips",
    "NumberOfVolumesDiscardedByScanner": 2,
    "ParallelAcquisitionTechnique": "SENSE",
    "ParallelReductionFactorInPlane": 2,
    "PatientPosition": "HFS",
    "PhaseEncodingDirection": "j",
    "PhilipsRescaleIntercept": 0,
    "PhilipsRescaleSlope": 0.78315,
    "PhilipsScaleSlope": 0.0536884,
    "ProtocolName": "WIPtask-stop_boldSENSE",
    "PulseSequenceType": "gradient echo EPI",
    "ReconMatrixPE": 80,
    "RepetitionTime": 2,
    "SeriesDescription": "ImageMRSERIES",
    "SeriesNumber": 7,
    "SliceEncodingDirection": "k",
    "SliceTiming": [
      0.0,
      0.0556,
      0.1111,
      0.1667,
      0.2222,
      0.2778,
      0.3333,
      0.3889,
      0.4444,
      0.5,
      0.5556,
      0.6111,
      0.6667,
      0.7222,
      0.7778,
      0.8333,
      0.8889,
      0.9444,
      1.0,
      1.0556,
      1.1111,
      1.1667,
      1.2222,
      1.2778,
      1.3333,
      1.3889,
      1.4444,
      1.5,
      1.5556,
      1.6111,
      1.6667,
      1.7222,
      1.7778,
      1.8333,
      1.8889,
      1.9444
    ],
    "TaskName": "stopsignal",
    "TotalReadoutTime": 0.026945238983542674,
    "UsePhilipsFloatNotDisplayScaling": 1,
    "WaterFatShift": 12,
    "acq_id": "seq",
    "dataset": "ds002790",
    "modality": "bold",
    "subject_id": "0098",
    "task_id": "stopsignal"
  },
  "dummy_trs": 2,
  "dvars_nstd": 17.43823773849315,
  "dvars_std": 1.2738078168036533,
  "dvars_vstd": 1.0279748296347035,
  "efc": 0.4195616632113882,
  "fber": 256627.296875,
  "fd_mean": 0.13630563652039585,
  "fd_num": 20,
  "fd_perc": 9.090909090909092,
  "fwhm_avg": 2.0679568781172977,
  "fwhm_x": 1.9872633333333332,
  "fwhm_y": 2.25868,
  "fwhm_z": 1.9579273010185603,
  "gcor": 0.0431571,
  "gsr_x": -0.014807834289968014,
  "gsr_y": 0.013965738005936146,
  "provenance": {
    "md5sum": "669fe845de16f0ab5226628580ff9868",
    "settings": {
      "fd_thres": 0.2,
      "testing": false
    },
    "software": "mriqc",
    "version": "22.0.0rc1",
    "webapi_port": null,
    "webapi_url": "https://mriqc.nimh.nih.gov/api/v1"
  },
  "size_t": 220,
  "size_x": 80,
  "size_y": 80,
  "size_z": 36,
  "snr": 5.563955768550476,
  "spacing_tr": 2.0,
  "spacing_x": 3.0,
  "spacing_y": 3.0,
  "spacing_z": 3.299999952316284,
  "summary_bg_k": 114.17939952286393,
  "summary_bg_mad": 54.34394829690791,
  "summary_bg_mean": 519.7515869140625,
  "summary_bg_median": 49.61180114746094,
  "summary_bg_n": 156238.0,
  "summary_bg_p05": 4.801292848587036,
  "summary_bg_p95": 2527.047375488279,
  "summary_bg_stdv": 1521.069580078125,
  "summary_fg_k": 1.4710346143089694,
  "summary_fg_mad": 4238.299325221691,
  "summary_fg_mean": 26004.736328125,
  "summary_fg_median": 25812.2265625,
  "summary_fg_n": 34117.0,
  "summary_fg_p05": 18712.306640625,
  "summary_fg_p95": 33460.06328125,
  "summary_fg_stdv": 4639.1181640625,
  "tsnr": 110.079833984375
}