{
  "aor": 0.0013680416666666667,
  "aqi": 0.004054385291666667,
  "bids_meta": {
    "AcquisitionNumber": 4,
    "BidsifyVersion": "0.3.5",
    "ConversionSoftware": "dcm2niix",
    "ConversionSoftwareVersion": "v1.0.20181125  GCC6.3.0",
    "EchoTime": 0.02763,
    "EffectiveEchoSpacing": 0.0006909035636805814,
    "FlipAngle": 76.1,
    "ImageComments": "PIOP2",
    "ImageOrientationPatientDICOM": [
      0.998662,
      0.0201483,
      0.047628,
      -0.0115043,
      0.984459,
      -0.17524
    ],
    "Manufacturer": "Philips",
    "NumberOfVolumesDiscardedByScanner": 2,
    "ParallelAcquisitionTechnique": "SENSE",
    "ParallelReductionFactorInPlane": 2,
    "PatientPosition": "HFS",
    "PhaseEncodingDirection": "j",
    "PhilipsRescaleIntercept": 0,
    "PhilipsRescaleSlope": 0.78388,
    "PhilipsScaleSlope": 0.0607911,
    "ProtocolName": "WIPtask-rest_boldSENSE",
    "PulseSequenceType": "gradient echo EPI",
    "ReconMatrixPE": 80,
    "RepetitionTime": 2,
    "SeriesDescription": "ImageMRSERIES",
    "SeriesNumber": 4,
    "SliceEncodingDirection": "k",
    "SliceTiming": [
      0.0,
      0.0556,
      0.1111,
      0.1667,
      0.2222,
      0.2778,
      0.3333,
      0.3889,
      0.4444,
      0.5,
      0.5556,
      0.6111,
      0.6667,
      0.7222,
      0.7778,
      0.8333,
      0.8889,
      0.9444,
      1.0,
      1.0556,
      1.1111,
      1.1667,
      1.2222,
      1.2778,
      1.3333,
      1.3889,
      1.4444,
      1.5,
      1.5556,
      1.6111,
      1.6667,
      1.7222,
      1.7778,
      1.8333,
      1.8889,
      1.9444
    ],
    "TaskName": "restingstate",
    "TotalReadoutTime": 0.026945238983542674,
    "UsePhilipsFloatNotDisplayScaling": 1,
    "WaterFatShift": 12,
    "acq_id": "seq",
    "dataset": "ds002790",
    "modality": "bold",
    "subject_id": "0137",
    "task_id": "restingstate"
  },
  "dummy_trs": 0,
  "dvars_nstd": 22.059307377824275,
  "dvars_std": 1.331691780585773,
  "dvars_vstd": 0.9767107506694557,
  "efc": 0.4307546306207987,
  "fber": 274901.65625,
  "fd_mean": 0.10973984414907578,
  "fd_num": 7,
  "fd_perc": 2.9166666666666665,
  "fwhm_avg": 2.006320615132466,
  "fwhm_x": 1.9976133333333335,
  "fwhm_y": 2.1378666666666666,
  "fwhm_z": 1.8834818453973978,
  "gcor": 0.041297,
  "gsr_x": -0.013295146636664867,
  "gsr_y": 0.011337842792272568,
  "provenance": {
    "md5sum": "d66f9cd071e501cbcc2a728838c2b1cb",
    "settings": {
      "fd_thres": 0.2,
      "testing": false
    },
    "software": "mriqc",
    "version": "22.0.0rc1",
    "webapi_port": null,
    "webapi_url": "https://mriqc.nimh.nih.gov/api/v1"
  },
  "size_t": 240,
  "size_x": 80,
  "size_y": 80,
  "size_z": 36,
  "snr": 5.46179265224875,
  "spacing_tr": 2.0,
  "spacing_x": 3.0,
  "spacing_y": 3.0,
  "spacing_z": 3.299999952316284,
  "summary_bg_k": 32.667985737561516,
  "summary_bg_mad": 50.4654768932121,
  "summary_bg_mean": 512.3165283203125,
  "summary_bg_median": 46.278831481933594,
  "summary_bg_n": 153232.0,
  "summary_bg_p05": 4.260734987258911,
  "summary_bg_p95": 2739.472937011705,
  "summary_bg_stdv": 1424.909912109375,
  "summary_fg_k": 1.4020755805046647,
  "summary_fg_mad": 4183.344589083411,
  "summary_fg_mean": 25350.736328125,
  "summary_fg_median": 24900.62109375,
  "summary_fg_n": 36292.0,
  "summary_fg_p05": 18682.11005859375,
  "summary_fg_p95": 33087.6595703125,
  "summary_fg_stdv": 4558.99365234375,
  "tsnr": 87.5648193359375
}