{
  "aor": 0.0016768778280542985,
  "aqi": 0.003367818687782806,
  "bids_meta": {
    "AcquisitionNumber": 8,
    "BidsifyVersion": "0.3.5",
    "ConversionSoftware": "dcm2niix",
    "ConversionSoftwareVersion": "v1.0.20181125  GCC6.3.0",
    "EchoTime": 0.02763,
    "EffectiveEchoSpacing": 0.0006909035636805814,
    "FlipAngle": 76.1,
    "ImageComments": "PIOP2",
    "ImageOrientationPatientDICOM": [
      0.997425,
      0.0671237,
      -0.0252653,
      -0.0667735,
      0.997663,
      0.0144605
    ],
    "Manufacturer": "Philips",
    "NumberOfVolumesDiscardedByScanner": 2,
    "ParallelAcquisitionTechnique": "SENSE",
    "ParallelReductionFactorInPlane": 2,
    "PatientPosition": "HFS",
    "PhaseEncodingDirection": "j",
    "PhilipsRescaleIntercept": 0,
    "PhilipsRescaleSlope": 0.81807,
    "PhilipsScaleSlope": 0.0537189,
    "ProtocolName": "WIPtask-stop_boldSENSE",
    "PulseSequenceType": "gradient echo EPI",
    "ReconMatrixPE": 80,
    "RepetitionTime": 2,
    "SeriesDescription": "ImageMRSERIES",
    "SeriesNumber": 8,
    "SliceEncodingDirection": "k",
    "SliceTiming": [
      0.0,
      0.0556,
      0.1111,
      0.1667,
      0.2222,
      0.2778,
      0.3333,
      0.3889,
      0.4444,
      0.5,
      0.5556,
      0.6111,
      0.6667,
      0.7222,
      0.7778,
      0.8333,
      0.8889,
      0.9444,
      1.0,
      1.0556,
      1.1111,
      1.1667,
      1.2222,
      1.2778,
      1.3333,
      1.3889,
      1.4444,
      1.5,
      1.5556,
      1.6111,
      1.6667,
      1.7222,
      1.7778,
      1.8333,
      1.8889,
      1.9444
    ],
    "TaskName": "stopsignal",
    "TotalReadoutTime": 0.026945238983542674,
    "UsePhilipsFloatNotDisplayScaling": 1,
    "WaterFatShift": 12,
    "acq_id": "seq",
    "dataset": "ds002790",
    "modality": "bold",
    "subject_id": "0032",
    "task_id": "stopsignal"
  },
  "dummy_trs": 1,
  "dvars_nstd": 19.620557152181824,
  "dvars_std": 1.2383808208636362,
  "dvars_vstd": 0.9999670268636365,
  "efc": 0.4220440416357943,
  "fber": 174992.25,
  "fd_mean": 0.10622853084199797,
  "fd_num": 6,
  "fd_perc": 2.7149321266968327,
  "fwhm_avg": 1.8368028364820923,
  "fwhm_x": 1.82301,
  "fwhm_y": 1.9850833333333335,
  "fwhm_z": 1.7023151761129434,
  "gcor": 0.0241341,
  "gsr_x": -0.007865985855460167,
  "gsr_y": 0.00691091688349843,
  "provenance": {
    "md5sum": "68e1a357e0391acdfc59c91c5380722a",
    "settings": {
      "fd_thres": 0.2,
      "testing": false
    },
    "software": "mriqc",
    "version": "22.0.0rc1",
    "webapi_port": null,
    "webapi_url": "https://mriqc.nimh.nih.gov/api/v1"
  },
  "size_t": 221,
  "size_x": 80,
  "size_y": 80,
  "size_z": 36,
  "snr": 6.017280819346319,
  "spacing_tr": 2.0,
  "spacing_x": 3.0,
  "spacing_y": 3.0,
  "spacing_z": 3.299999952316284,
  "summary_bg_k": 45.515790910554514,
  "summary_bg_mad": 66.1508872224941,
  "summary_bg_mean": 727.98388671875,
  "summary_bg_median": 63.27863311767578,
  "summary_bg_n": 158301.0,
  "summary_bg_p05": 9.70797061920166,
  "summary_bg_p95": 4134.916015625,
  "summary_bg_stdv": 1974.204345703125,
  "summary_fg_k": 0.8846130240071206,
  "summary_fg_mad": 4552.136099521764,
  "summary_fg_mean": 27010.716796875,
  "summary_fg_median": 26822.1796875,
  "summary_fg_n": 31436.0,
  "summary_fg_p05": 20304.77587890625,
  "summary_fg_p95": 34191.7939453125,
  "summary_fg_stdv": 4457.4541015625,
  "tsnr": 91.26874542236328
}