{
  "bids_meta": {
    "AcquisitionNumber": 2,
    "BidsifyVersion": "0.3.5",
    "ConversionSoftware": "dcm2niix",
    "ConversionSoftwareVersion": "v1.0.20181125  GCC6.3.0",
    "EchoTime": 0.00375,
    "ImageComments": "PIOP2",
    "ImageOrientationPatientDICOM": [
      0.997445,
      0.0671897,
      -0.0242525,
      -0.0666,
      0.997482,
      0.0243572
    ],
    "Manufacturer": "Philips",
    "NumberSignalAcquisitions": 2,
    "PatientPosition": "HFS",
    "PhilipsRescaleIntercept": 0,
    "PhilipsRescaleSlope": 8.66813,
    "PhilipsScaleSlope": 0.00701182,
    "ProtocolName": "WIPT1anat_acq-6m_T1wSENSE",
    "ReconMatrixPE": 240,
    "RepetitionTime": 0.008158,
    "SeriesDescription": "ImageMRSERIES",
    "SeriesNumber": 2,
    "UsePhilipsFloatNotDisplayScaling": 1,
    "dataset": "ds002790",
    "modality": "T1w",
    "subject_id": "0054"
  },
  "cjv": 0.26098516669500854,
  "cnr": 4.411439098965569,
  "efc": 0.7404542110919118,
  "fber": 1896.2872314453125,
  "fwhm_avg": 4.56151,
  "fwhm_x": 4.26504,
  "fwhm_y": 4.60806,
  "fwhm_z": 4.81143,
  "icvs_csf": 0.2578555994638431,
  "icvs_gm": 0.38841615590538464,
  "icvs_wm": 0.35372824463077224,
  "inu_med": 1.7387105226516724,
  "inu_range": 0.3304931402206419,
  "provenance": {
    "md5sum": "1cb9f74acdb221b018d64a00114f73a9",
    "settings": {
      "testing": false
    },
    "software": "mriqc",
    "version": "22.0.0rc1",
    "warnings": {
      "large_rot_frame": true,
      "small_air_mask": true
    },
    "webapi_port": null,
    "webapi_url": "https://mriqc.nimh.nih.gov/api/v1"
  },
  "qi_1": 0.000510096991648077,
  "qi_2": 5.477255849452923e-05,
  "rpve_csf": 22.12719366333839,
  "rpve_gm": 14.19578618077667,
  "rpve_wm": 20.558740797786246,
  "size_x": 240,
  "size_y": 240,
  "size_z": 220,
  "snr_csf": 2.0447768502111074,
  "snr_gm": 8.773948843883877,
  "snr_total": 12.574154608326127,
  "snr_wm": 26.903738130883397,
  "snrd_csf": 24.11483389795808,
  "snrd_gm": 58.895343964227706,
  "snrd_total": 58.43670015815482,
  "snrd_wm": 92.29992261227868,
  "spacing_x": 1.0,
  "spacing_y": 1.0,
  "spacing_z": 1.0,
  "summary_bg_k": 47.88463863450464,
  "summary_bg_mad": 7.097800327661822,
  "summary_bg_mean": 7.798508167266846,
  "summary_bg_median": 4.8650312423706055,
  "summary_bg_n": 209611.0,
  "summary_bg_p05": 0.0,
  "summary_bg_p95": 19.72540283203125,
  "summary_bg_stdv": 7.759617328643799,
  "summary_csf_k": 103.77005849063433,
  "summary_csf_mad": 119.69809462038899,
  "summary_csf_mean": 264.55950927734375,
  "summary_csf_median": 261.2620544433594,
  "summary_csf_n": 22260.0,
  "summary_csf_p05": 115.83794212341309,
  "summary_csf_p95": 417.6413269042968,
  "summary_csf_stdv": 127.767578125,
  "summary_gm_k": 1.0680834378944635,
  "summary_gm_mad": 63.038691697916676,
  "summary_gm_mean": 646.8605346679688,
  "summary_gm_median": 638.076904296875,
  "summary_gm_n": 25646.0,
  "summary_gm_p05": 544.6238861083984,
  "summary_gm_p95": 785.5565795898438,
  "summary_gm_stdv": 72.72261047363281,
  "summary_wm_k": 1.5443123263545644,
  "summary_wm_mad": 31.413901376600325,
  "summary_wm_mean": 996.8336791992188,
  "summary_wm_median": 999.9848022460938,
  "summary_wm_n": 221505.0,
  "summary_wm_p05": 929.7072265625,
  "summary_wm_p95": 1051.750341796875,
  "summary_wm_stdv": 37.168907165527344,
  "tpm_overlap_csf": 0.1664223074913025,
  "tpm_overlap_gm": 0.434903621673584,
  "tpm_overlap_wm": 0.5127268433570862,
  "wm2max": 0.7925319026532787
}