{
  "bids_meta": {
    "AcquisitionNumber": 2,
    "BidsifyVersion": "0.3.5",
    "ConversionSoftware": "dcm2niix",
    "ConversionSoftwareVersion": "v1.0.20181125  GCC6.3.0",
    "EchoTime": 0.0038,
    "ImageComments": "PIOP2",
    "ImageOrientationPatientDICOM": [
      0.999848,
      0.0112771,
      -0.013316,
      -0.00890006,
      0.985964,
      0.166722
    ],
    "Manufacturer": "Philips",
    "NumberSignalAcquisitions": 2,
    "PatientPosition": "HFS",
    "PhilipsRescaleIntercept": 0,
    "PhilipsRescaleSlope": 8.24347,
    "PhilipsScaleSlope": 0.00729002,
    "ProtocolName": "WIPT1anat_acq-6m_T1wSENSE",
    "ReconMatrixPE": 240,
    "RepetitionTime": 0.008278,
    "SeriesDescription": "ImageMRSERIES",
    "SeriesNumber": 2,
    "UsePhilipsFloatNotDisplayScaling": 1,
    "dataset": "ds002790",
    "modality": "T1w",
    "subject_id": "0020"
  },
  "cjv": 0.2544961586351449,
  "cnr": 4.682219451149221,
  "efc": 0.7597292027068439,
  "fber": 1825.347412109375,
  "fwhm_avg": 4.555070083246633,
  "fwhm_x": 4.1899402497399,
  "fwhm_y": 4.65426,
  "fwhm_z": 4.82101,
  "icvs_csf": 0.24552612039550814,
  "icvs_gm": 0.3920534278170634,
  "icvs_wm": 0.36242045178742843,
  "inu_med": 1.173122763633728,
  "inu_range": 0.3008558750152588,
  "provenance": {
    "md5sum": "107aca27a2e05ae87e04c0fc95d8dc03",
    "settings": {
      "testing": false
    },
    "software": "mriqc",
    "version": "22.0.0rc1",
    "warnings": {
      "large_rot_frame": true,
      "small_air_mask": true
    },
    "webapi_port": null,
    "webapi_url": "https://mriqc.nimh.nih.gov/api/v1"
  },
  "qi_1": 0.00044908600449086007,
  "qi_2": 7.73071780643698e-05,
  "rpve_csf": 25.022348985396324,
  "rpve_gm": 15.266180328370075,
  "rpve_wm": 21.598909527833438,
  "size_x": 240,
  "size_y": 240,
  "size_z": 220,
  "snr_csf": 2.5193979262427972,
  "snr_gm": 9.943098835246333,
  "snr_total": 13.2450076235072,
  "snr_wm": 27.272526109032473,
  "snrd_csf": 21.484844371265485,
  "snrd_gm": 49.361312418341186,
  "snrd_total": 49.024709314765225,
  "snrd_wm": 76.227971154689,
  "spacing_x": 0.9999999403953552,
  "spacing_y": 1.0,
  "spacing_z": 1.0,
  "summary_bg_k": 150.79355720586568,
  "summary_bg_mad": 8.594412369091144,
  "summary_bg_mean": 8.982800483703613,
  "summary_bg_median": 5.87046480178833,
  "summary_bg_n": 170397.0,
  "summary_bg_p05": 0.0,
  "summary_bg_p95": 23.4082462310791,
  "summary_bg_stdv": 8.980969429016113,
  "summary_csf_k": -1.0775508127294378,
  "summary_csf_mad": 147.23826334502473,
  "summary_csf_mean": 280.7652893066406,
  "summary_csf_median": 281.84912109375,
  "summary_csf_n": 14082.0,
  "summary_csf_p05": 118.52546310424805,
  "summary_csf_p95": 446.26342620849607,
  "summary_csf_stdv": 111.86764526367188,
  "summary_gm_k": 0.823002184629408,
  "summary_gm_mad": 57.92129793816206,
  "summary_gm_mean": 652.1005859375,
  "summary_gm_median": 647.5468139648438,
  "summary_gm_n": 21667.0,
  "summary_gm_p05": 554.0773681640625,
  "summary_gm_p95": 769.4335632324219,
  "summary_gm_stdv": 65.12374877929688,
  "summary_wm_k": 1.2372619174930541,
  "summary_wm_mad": 31.776000545139766,
  "summary_wm_mean": 997.365966796875,
  "summary_wm_median": 999.997314453125,
  "summary_wm_n": 202346.0,
  "summary_wm_p05": 931.7265777587891,
  "summary_wm_p95": 1052.7557983398438,
  "summary_wm_stdv": 36.666748046875,
  "tpm_overlap_csf": 0.16163575649261475,
  "tpm_overlap_gm": 0.43131905794143677,
  "tpm_overlap_wm": 0.493501752614975,
  "wm2max": 0.6898381058516313
}