{
  "aor": 0.002323125,
  "aqi": 0.0040816160625,
  "bids_meta": {
    "AcquisitionNumber": 3,
    "BidsifyVersion": "0.3.5",
    "ConversionSoftware": "dcm2niix",
    "ConversionSoftwareVersion": "v1.0.20181125  GCC6.3.0",
    "EchoTime": 0.02763,
    "EffectiveEchoSpacing": 0.0006909035636805814,
    "FlipAngle": 76.1,
    "ImageComments": "PIOP2",
    "ImageOrientationPatientDICOM": [
      0.999797,
      -0.0113802,
      -0.016615,
      0.0087251,
      0.988353,
      -0.151929
    ],
    "Manufacturer": "Philips",
    "NumberOfVolumesDiscardedByScanner": 2,
    "ParallelAcquisitionTechnique": "SENSE",
    "ParallelReductionFactorInPlane": 2,
    "PatientPosition": "HFS",
    "PhaseEncodingDirection": "j",
    "PhilipsRescaleIntercept": 0,
    "PhilipsRescaleSlope": 0.81197,
    "PhilipsScaleSlope": 0.0528904,
    "ProtocolName": "WIPtask-wm_boldSENSE",
    "PulseSequenceType": "gradient echo EPI",
    "ReconMatrixPE": 80,
    "RepetitionTime": 2,
    "SeriesDescription": "ImageMRSERIES",
    "SeriesNumber": 3,
    "SliceEncodingDirection": "k",
    "SliceTiming": [
      0.0,
      0.0556,
      0.1111,
      0.1667,
      0.2222,
      0.2778,
      0.3333,
      0.3889,
      0.4444,
      0.5,
      0.5556,
      0.6111,
      0.6667,
      0.7222,
      0.7778,
      0.8333,
      0.8889,
      0.9444,
      1.0,
      1.0556,
      1.1111,
      1.1667,
      1.2222,
      1.2778,
      1.3333,
      1.3889,
      1.4444,
      1.5,
      1.5556,
      1.6111,
      1.6667,
      1.7222,
      1.7778,
      1.8333,
      1.8889,
      1.9444
    ],
    "TaskName": "workingmemory",
    "TotalReadoutTime": 0.026945238983542674,
    "UsePhilipsFloatNotDisplayScaling": 1,
    "WaterFatShift": 12,
    "acq_id": "seq",
    "dataset": "ds002790",
    "modality": "bold",
    "subject_id": "0148",
    "task_id": "workingmemory"
  },
  "dummy_trs": 0,
  "dvars_nstd": 18.550584721320764,
  "dvars_std": 1.2481160684905668,
  "dvars_vstd": 1.008354893333334,
  "efc": 0.41608889558534945,
  "fber": 251681.65625,
  "fd_mean": 0.11942322094162863,
  "fd_num": 12,
  "fd_perc": 7.5,
  "fwhm_avg": 1.8676700084880224,
  "fwhm_x": 1.8249700000000002,
  "fwhm_y": 2.015773333333333,
  "fwhm_z": 1.7622666921307346,
  "gcor": 0.0359289,
  "gsr_x": -0.014008921571075916,
  "gsr_y": 0.010172931477427483,
  "provenance": {
    "md5sum": "26c9eadcef1048850fd316f816e2d36d",
    "settings": {
      "fd_thres": 0.2,
      "testing": false
    },
    "software": "mriqc",
    "version": "22.0.0rc1",
    "webapi_port": null,
    "webapi_url": "https://mriqc.nimh.nih.gov/api/v1"
  },
  "size_t": 160,
  "size_x": 80,
  "size_y": 80,
  "size_z": 36,
  "snr": 6.203994853376777,
  "spacing_tr": 2.0,
  "spacing_x": 3.0,
  "spacing_y": 3.0,
  "spacing_z": 3.299999952316284,
  "summary_bg_k": 200.19021928889018,
  "summary_bg_mad": 58.610715265592596,
  "summary_bg_mean": 470.6351318359375,
  "summary_bg_median": 51.34883499145508,
  "summary_bg_n": 156633.0,
  "summary_bg_p05": 4.2835207939147955,
  "summary_bg_p95": 2197.9091308593747,
  "summary_bg_stdv": 1369.9482421875,
  "summary_fg_k": 2.783592344013112,
  "summary_fg_mad": 3967.0497205067004,
  "summary_fg_mean": 26394.5546875,
  "summary_fg_median": 26031.310546875,
  "summary_fg_n": 33881.0,
  "summary_fg_p05": 20551.232421875,
  "summary_fg_p95": 32978.69921875,
  "summary_fg_stdv": 4195.8330078125,
  "tsnr": 93.9639892578125
}