{
  "aor": 0.0012770416666666668,
  "aqi": 0.0038314882083333333,
  "bids_meta": {
    "AcquisitionNumber": 4,
    "BidsifyVersion": "0.3.5",
    "ConversionSoftware": "dcm2niix",
    "ConversionSoftwareVersion": "v1.0.20181125  GCC6.3.0",
    "EchoTime": 0.02763,
    "EffectiveEchoSpacing": 0.0006909035636805814,
    "FlipAngle": 76.1,
    "ImageComments": "PIOP2",
    "ImageOrientationPatientDICOM": [
      0.999797,
      -0.0113802,
      -0.016615,
      0.0087251,
      0.988353,
      -0.151929
    ],
    "Manufacturer": "Philips",
    "NumberOfVolumesDiscardedByScanner": 2,
    "ParallelAcquisitionTechnique": "SENSE",
    "ParallelReductionFactorInPlane": 2,
    "PatientPosition": "HFS",
    "PhaseEncodingDirection": "j",
    "PhilipsRescaleIntercept": 0,
    "PhilipsRescaleSlope": 0.79976,
    "PhilipsScaleSlope": 0.0536075,
    "ProtocolName": "WIPtask-rest_boldSENSE",
    "PulseSequenceType": "gradient echo EPI",
    "ReconMatrixPE": 80,
    "RepetitionTime": 2,
    "SeriesDescription": "ImageMRSERIES",
    "SeriesNumber": 4,
    "SliceEncodingDirection": "k",
    "SliceTiming": [
      0.0,
      0.0556,
      0.1111,
      0.1667,
      0.2222,
      0.2778,
      0.3333,
      0.3889,
      0.4444,
      0.5,
      0.5556,
      0.6111,
      0.6667,
      0.7222,
      0.7778,
      0.8333,
      0.8889,
      0.9444,
      1.0,
      1.0556,
      1.1111,
      1.1667,
      1.2222,
      1.2778,
      1.3333,
      1.3889,
      1.4444,
      1.5,
      1.5556,
      1.6111,
      1.6667,
      1.7222,
      1.7778,
      1.8333,
      1.8889,
      1.9444
    ],
    "TaskName": "restingstate",
    "TotalReadoutTime": 0.026945238983542674,
    "UsePhilipsFloatNotDisplayScaling": 1,
    "WaterFatShift": 12,
    "acq_id": "seq",
    "dataset": "ds002790",
    "modality": "bold",
    "subject_id": "0148",
    "task_id": "restingstate"
  },
  "dummy_trs": 0,
  "dvars_nstd": 18.706676818619243,
  "dvars_std": 1.252441534393305,
  "dvars_vstd": 0.9980990021338918,
  "efc": 0.4158741595329387,
  "fber": 247051.796875,
  "fd_mean": 0.10924863726806673,
  "fd_num": 12,
  "fd_perc": 5.0,
  "fwhm_avg": 1.8426589982845663,
  "fwhm_x": 1.8026799999999998,
  "fwhm_y": 1.9843,
  "fwhm_z": 1.7409969948536987,
  "gcor": 0.019498,
  "gsr_x": -0.014240341261029243,
  "gsr_y": 0.010757042095065117,
  "provenance": {
    "md5sum": "82df6bda16267a9fdcabcf97fc4cf78b",
    "settings": {
      "fd_thres": 0.2,
      "testing": false
    },
    "software": "mriqc",
    "version": "22.0.0rc1",
    "webapi_port": null,
    "webapi_url": "https://mriqc.nimh.nih.gov/api/v1"
  },
  "size_t": 240,
  "size_x": 80,
  "size_y": 80,
  "size_z": 36,
  "snr": 6.292876594254535,
  "spacing_tr": 2.0,
  "spacing_x": 3.0,
  "spacing_y": 3.0,
  "spacing_z": 3.299999952316284,
  "summary_bg_k": 228.04369913282343,
  "summary_bg_mad": 58.616556167696636,
  "summary_bg_mean": 474.1324768066406,
  "summary_bg_median": 51.0938720703125,
  "summary_bg_n": 156809.0,
  "summary_bg_p05": 4.089950370788575,
  "summary_bg_p95": 2172.4569335937504,
  "summary_bg_stdv": 1454.1378173828125,
  "summary_fg_k": 2.8472756628820832,
  "summary_fg_mad": 3816.9058409546988,
  "summary_fg_mean": 25960.3828125,
  "summary_fg_median": 25606.0390625,
  "summary_fg_n": 33736.0,
  "summary_fg_p05": 20309.7978515625,
  "summary_fg_p95": 32264.84375,
  "summary_fg_stdv": 4068.9912109375,
  "tsnr": 98.17254638671875
}