{
  "aor": 0.001591673640167364,
  "aqi": 0.004284671213389121,
  "bids_meta": {
    "AcquisitionNumber": 7,
    "BidsifyVersion": "0.3.5",
    "ConversionSoftware": "dcm2niix",
    "ConversionSoftwareVersion": "v1.0.20181125  GCC6.3.0",
    "EchoTime": 0.02763,
    "EffectiveEchoSpacing": 0.0006909035636805814,
    "FlipAngle": 76.1,
    "ImageComments": "PIOP2",
    "ImageOrientationPatientDICOM": [
      0.999797,
      -0.0113802,
      -0.016615,
      0.0087251,
      0.988353,
      -0.151929
    ],
    "Manufacturer": "Philips",
    "NumberOfVolumesDiscardedByScanner": 2,
    "ParallelAcquisitionTechnique": "SENSE",
    "ParallelReductionFactorInPlane": 2,
    "PatientPosition": "HFS",
    "PhaseEncodingDirection": "j",
    "PhilipsRescaleIntercept": 0,
    "PhilipsRescaleSlope": 0.81368,
    "PhilipsScaleSlope": 0.0548591,
    "ProtocolName": "WIPtask-stop_boldSENSE",
    "PulseSequenceType": "gradient echo EPI",
    "ReconMatrixPE": 80,
    "RepetitionTime": 2,
    "SeriesDescription": "ImageMRSERIES",
    "SeriesNumber": 7,
    "SliceEncodingDirection": "k",
    "SliceTiming": [
      0.0,
      0.0556,
      0.1111,
      0.1667,
      0.2222,
      0.2778,
      0.3333,
      0.3889,
      0.4444,
      0.5,
      0.5556,
      0.6111,
      0.6667,
      0.7222,
      0.7778,
      0.8333,
      0.8889,
      0.9444,
      1.0,
      1.0556,
      1.1111,
      1.1667,
      1.2222,
      1.2778,
      1.3333,
      1.3889,
      1.4444,
      1.5,
      1.5556,
      1.6111,
      1.6667,
      1.7222,
      1.7778,
      1.8333,
      1.8889,
      1.9444
    ],
    "TaskName": "stopsignal",
    "TotalReadoutTime": 0.026945238983542674,
    "UsePhilipsFloatNotDisplayScaling": 1,
    "WaterFatShift": 12,
    "acq_id": "seq",
    "dataset": "ds002790",
    "modality": "bold",
    "subject_id": "0148",
    "task_id": "stopsignal"
  },
  "dummy_trs": 0,
  "dvars_nstd": 17.36829453189076,
  "dvars_std": 1.2091703987815121,
  "dvars_vstd": 1.0053453185294117,
  "efc": 0.41700942245341444,
  "fber": 243878.1875,
  "fd_mean": 0.10411977612620034,
  "fd_num": 5,
  "fd_perc": 2.092050209205021,
  "fwhm_avg": 1.8384437457056457,
  "fwhm_x": 1.8038333333333334,
  "fwhm_y": 1.9816433333333334,
  "fwhm_z": 1.7298545704502708,
  "gcor": 0.0192153,
  "gsr_x": -0.014400524087250233,
  "gsr_y": 0.010094459168612957,
  "provenance": {
    "md5sum": "0b80d58c99de78962c459556b86450dc",
    "settings": {
      "fd_thres": 0.2,
      "testing": false
    },
    "software": "mriqc",
    "version": "22.0.0rc1",
    "webapi_port": null,
    "webapi_url": "https://mriqc.nimh.nih.gov/api/v1"
  },
  "size_t": 239,
  "size_x": 80,
  "size_y": 80,
  "size_z": 36,
  "snr": 6.319352331833112,
  "spacing_tr": 2.0,
  "spacing_x": 3.0,
  "spacing_y": 3.0,
  "spacing_z": 3.299999952316284,
  "summary_bg_k": 191.42946020002935,
  "summary_bg_mad": 58.12968565900443,
  "summary_bg_mean": 476.8497009277344,
  "summary_bg_median": 50.894535064697266,
  "summary_bg_n": 156851.0,
  "summary_bg_p05": 4.431877136230469,
  "summary_bg_p95": 2199.0,
  "summary_bg_stdv": 1413.073974609375,
  "summary_fg_k": 2.7679312820276945,
  "summary_fg_mad": 3781.678111874172,
  "summary_fg_mean": 25673.697265625,
  "summary_fg_median": 25322.9296875,
  "summary_fg_n": 33797.0,
  "summary_fg_p05": 20097.06640625,
  "summary_fg_p95": 31888.661328125,
  "summary_fg_stdv": 4007.14404296875,
  "tsnr": 93.80995178222656
}