{
  "bids_meta": {
    "AcquisitionNumber": 2,
    "BidsifyVersion": "0.3.5",
    "ConversionSoftware": "dcm2niix",
    "ConversionSoftwareVersion": "v1.0.20181125  GCC6.3.0",
    "EchoTime": 0.00376,
    "ImageComments": "PIOP2",
    "ImageOrientationPatientDICOM": [
      0.99751,
      0.0268828,
      -0.0652027,
      -0.0221141,
      0.997102,
      0.0727864
    ],
    "Manufacturer": "Philips",
    "NumberSignalAcquisitions": 2,
    "PatientPosition": "HFS",
    "PhilipsRescaleIntercept": 0,
    "PhilipsRescaleSlope": 8.73162,
    "PhilipsScaleSlope": 0.00692414,
    "ProtocolName": "WIPT1anat_acq-6m_T1wSENSE",
    "ReconMatrixPE": 240,
    "RepetitionTime": 0.008221,
    "SeriesDescription": "ImageMRSERIES",
    "SeriesNumber": 2,
    "UsePhilipsFloatNotDisplayScaling": 1,
    "dataset": "ds002790",
    "modality": "T1w",
    "subject_id": "0046"
  },
  "cjv": 0.2622721150722318,
  "cnr": 4.571264865950072,
  "efc": 0.7683326400462931,
  "fber": 1385.67529296875,
  "fwhm_avg": 5.0384768763063486,
  "fwhm_x": 4.56392,
  "fwhm_y": 5.200260309959669,
  "fwhm_z": 5.351250318959375,
  "icvs_csf": 0.2768801593571212,
  "icvs_gm": 0.36007105698996067,
  "icvs_wm": 0.3630487836529181,
  "inu_med": 2.055149793624878,
  "inu_range": 0.5390443444252013,
  "provenance": {
    "md5sum": "ef86519625e55b908e82fbfebaa75108",
    "settings": {
      "testing": false
    },
    "software": "mriqc",
    "version": "22.0.0rc1",
    "warnings": {
      "large_rot_frame": true,
      "small_air_mask": true
    },
    "webapi_port": null,
    "webapi_url": "https://mriqc.nimh.nih.gov/api/v1"
  },
  "qi_1": 0.0,
  "qi_2": 9.709332282318093e-05,
  "rpve_csf": 20.667631391577228,
  "rpve_gm": 14.394303709032792,
  "rpve_wm": 19.411858238551446,
  "size_x": 240,
  "size_y": 240,
  "size_z": 220,
  "snr_csf": 3.0809219301847595,
  "snr_gm": 10.0958248000685,
  "snr_total": 14.35977543897561,
  "snr_wm": 29.90257958667357,
  "snrd_csf": 22.747505604278913,
  "snrd_gm": 49.188822750831925,
  "snrd_total": 48.753519473444335,
  "snrd_wm": 74.32423006522217,
  "spacing_x": 1.0,
  "spacing_y": 0.9999999403953552,
  "spacing_z": 0.9999999403953552,
  "summary_bg_k": 16.03055651436671,
  "summary_bg_mad": 8.8145066377356,
  "summary_bg_mean": 9.115421295166016,
  "summary_bg_median": 6.169713973999023,
  "summary_bg_n": 160256.0,
  "summary_bg_p05": 0.0,
  "summary_bg_p95": 23.9055495262146,
  "summary_bg_stdv": 7.5990824699401855,
  "summary_csf_k": 19.130979097878896,
  "summary_csf_mad": 106.26866309324961,
  "summary_csf_mean": 299.50762939453125,
  "summary_csf_median": 306.055419921875,
  "summary_csf_n": 30233.0,
  "summary_csf_p05": 136.9947296142578,
  "summary_csf_p95": 443.6919067382812,
  "summary_csf_stdv": 99.33726501464844,
  "summary_gm_k": 0.5304161406525592,
  "summary_gm_mad": 59.92548946254329,
  "summary_gm_mean": 665.7391357421875,
  "summary_gm_median": 661.80908203125,
  "summary_gm_n": 24965.0,
  "summary_gm_p05": 565.9386352539062,
  "summary_gm_p95": 783.71728515625,
  "summary_gm_stdv": 65.55143737792969,
  "summary_wm_k": 1.4798984782604014,
  "summary_wm_mad": 28.77057292171952,
  "summary_wm_mean": 998.4721069335938,
  "summary_wm_median": 999.992431640625,
  "summary_wm_n": 255098.0,
  "summary_wm_p05": 941.5852966308594,
  "summary_wm_p95": 1049.9204040527343,
  "summary_wm_stdv": 33.441612243652344,
  "tpm_overlap_csf": 0.16141682863235474,
  "tpm_overlap_gm": 0.41499292850494385,
  "tpm_overlap_wm": 0.5060694813728333,
  "wm2max": 0.810357007599031
}