{
  "bids_meta": {
    "AcquisitionNumber": 2,
    "BidsifyVersion": "0.3.5",
    "ConversionSoftware": "dcm2niix",
    "ConversionSoftwareVersion": "v1.0.20181125  GCC6.3.0",
    "EchoTime": 0.00377,
    "ImageComments": "PIOP2",
    "ImageOrientationPatientDICOM": [
      0.999734,
      0.00418216,
      0.0226882,
      -0.00697957,
      0.992175,
      0.124658
    ],
    "Manufacturer": "Philips",
    "NumberSignalAcquisitions": 2,
    "PatientPosition": "HFS",
    "PhilipsRescaleIntercept": 0,
    "PhilipsRescaleSlope": 8.83858,
    "PhilipsScaleSlope": 0.00699385,
    "ProtocolName": "WIPT1anat_acq-6m_T1wSENSE",
    "ReconMatrixPE": 240,
    "RepetitionTime": 0.008234,
    "SeriesDescription": "ImageMRSERIES",
    "SeriesNumber": 2,
    "UsePhilipsFloatNotDisplayScaling": 1,
    "dataset": "ds002790",
    "modality": "T1w",
    "subject_id": "0056"
  },
  "cjv": 0.2649469854079033,
  "cnr": 4.7741493317078545,
  "efc": 0.7533291456147698,
  "fber": 1521.5126953125,
  "fwhm_avg": 4.422742984877867,
  "fwhm_x": 4.1989094994509815,
  "fwhm_y": 4.49906,
  "fwhm_z": 4.570259455182618,
  "icvs_csf": 0.24888510265405195,
  "icvs_gm": 0.3927858980986935,
  "icvs_wm": 0.35832899924725453,
  "inu_med": 1.6450831890106201,
  "inu_range": 0.31048073768615714,
  "provenance": {
    "md5sum": "b4beb9f74754659182e1cda28ffeb09f",
    "settings": {
      "testing": false
    },
    "software": "mriqc",
    "version": "22.0.0rc1",
    "warnings": {
      "large_rot_frame": true,
      "small_air_mask": true
    },
    "webapi_port": null,
    "webapi_url": "https://mriqc.nimh.nih.gov/api/v1"
  },
  "qi_1": 0.0,
  "qi_2": 9.729114676947208e-05,
  "rpve_csf": 24.332330378105073,
  "rpve_gm": 15.135688428865079,
  "rpve_wm": 21.786904432611852,
  "size_x": 240,
  "size_y": 240,
  "size_z": 220,
  "snr_csf": 2.470933069376936,
  "snr_gm": 8.970798220675059,
  "snr_total": 12.065755926521874,
  "snr_wm": 24.755536489513627,
  "snrd_csf": 25.99214763982286,
  "snrd_gm": 53.425054303422925,
  "snrd_total": 55.30870334984468,
  "snrd_wm": 86.50890810628823,
  "spacing_x": 1.0000001192092896,
  "spacing_y": 1.0,
  "spacing_z": 1.0000001192092896,
  "summary_bg_k": 16.505353614947936,
  "summary_bg_mad": 7.573005292222003,
  "summary_bg_mean": 8.435800552368164,
  "summary_bg_median": 5.257816791534424,
  "summary_bg_n": 114575.0,
  "summary_bg_p05": 0.0,
  "summary_bg_p95": 21.093813323974608,
  "summary_bg_stdv": 6.788809299468994,
  "summary_csf_k": 24.74578762727639,
  "summary_csf_mad": 109.87431657820231,
  "summary_csf_mean": 289.5882263183594,
  "summary_csf_median": 300.4544982910156,
  "summary_csf_n": 17187.0,
  "summary_csf_p05": 104.18700942993165,
  "summary_csf_p95": 430.3988464355469,
  "summary_csf_stdv": 121.59202575683594,
  "summary_gm_k": 0.4258137567981448,
  "summary_gm_mad": 65.57171179681858,
  "summary_gm_mean": 622.7225341796875,
  "summary_gm_median": 617.5633544921875,
  "summary_gm_n": 19096.0,
  "summary_gm_p05": 519.8726806640625,
  "summary_gm_p95": 744.7010955810547,
  "summary_gm_stdv": 68.83971405029297,
  "summary_wm_k": 0.9975553475808789,
  "summary_wm_mad": 35.75212360300273,
  "summary_wm_mean": 995.4888916015625,
  "summary_wm_median": 999.9939575195312,
  "summary_wm_n": 203715.0,
  "summary_wm_p05": 920.3949462890625,
  "summary_wm_p95": 1053.526318359375,
  "summary_wm_stdv": 40.39466094970703,
  "tpm_overlap_csf": 0.17059019207954407,
  "tpm_overlap_gm": 0.44083651900291443,
  "tpm_overlap_wm": 0.5114143490791321,
  "wm2max": 0.7683941758464128
}