{
  "bids_meta": {
    "AcquisitionNumber": 2,
    "BidsifyVersion": "0.3.5",
    "ConversionSoftware": "dcm2niix",
    "ConversionSoftwareVersion": "v1.0.20181125  GCC6.3.0",
    "EchoTime": 0.00375,
    "ImageComments": "PIOP2",
    "ImageOrientationPatientDICOM": [
      0.999754,
      0.0126306,
      -0.0182423,
      -0.0141346,
      0.996296,
      -0.0848197
    ],
    "Manufacturer": "Philips",
    "NumberSignalAcquisitions": 2,
    "PatientPosition": "HFS",
    "PhilipsRescaleIntercept": 0,
    "PhilipsRescaleSlope": 8.40342,
    "PhilipsScaleSlope": 0.00726532,
    "ProtocolName": "WIPT1anat_acq-6m_T1wSENSE",
    "ReconMatrixPE": 240,
    "RepetitionTime": 0.00819,
    "SeriesDescription": "ImageMRSERIES",
    "SeriesNumber": 2,
    "UsePhilipsFloatNotDisplayScaling": 1,
    "dataset": "ds002790",
    "modality": "T1w",
    "subject_id": "0150"
  },
  "cjv": 0.2614233654434357,
  "cnr": 4.606970869998377,
  "efc": 0.7667286087060302,
  "fber": 1775.793701171875,
  "fwhm_avg": 4.582423418220883,
  "fwhm_x": 4.272530254662648,
  "fwhm_y": 4.63326,
  "fwhm_z": 4.84148,
  "icvs_csf": 0.239421609948937,
  "icvs_gm": 0.4099927902089905,
  "icvs_wm": 0.35058559984207255,
  "inu_med": 2.553989887237549,
  "inu_range": 0.6885781288146973,
  "provenance": {
    "md5sum": "e719c16c9458e678e23abb80ab2fd9df",
    "settings": {
      "testing": false
    },
    "software": "mriqc",
    "version": "22.0.0rc1",
    "warnings": {
      "large_rot_frame": true,
      "small_air_mask": true
    },
    "webapi_port": null,
    "webapi_url": "https://mriqc.nimh.nih.gov/api/v1"
  },
  "qi_1": 0.0,
  "qi_2": 9.428829458184044e-05,
  "rpve_csf": 29.751259271527097,
  "rpve_gm": 17.543869637773632,
  "rpve_wm": 25.688225849830076,
  "size_x": 240,
  "size_y": 240,
  "size_z": 220,
  "snr_csf": 2.4026879037155573,
  "snr_gm": 10.214493841217143,
  "snr_total": 12.470662872675357,
  "snr_wm": 24.79480687309337,
  "snrd_csf": 21.082692350644564,
  "snrd_gm": 47.408012644789395,
  "snrd_total": 47.14906628391966,
  "snrd_wm": 72.956493856325,
  "spacing_x": 0.9999999403953552,
  "spacing_y": 1.0,
  "spacing_z": 1.0,
  "summary_bg_k": 15.739051389229079,
  "summary_bg_mad": 8.979773343831425,
  "summary_bg_mean": 12.07994270324707,
  "summary_bg_median": 12.20828628540039,
  "summary_bg_n": 153541.0,
  "summary_bg_p05": 0.0,
  "summary_bg_p95": 30.57399559020996,
  "summary_bg_stdv": 10.219083786010742,
  "summary_csf_k": -1.1218971907738582,
  "summary_csf_mad": 158.09338831927093,
  "summary_csf_mean": 282.4176330566406,
  "summary_csf_median": 288.9746398925781,
  "summary_csf_n": 13636.0,
  "summary_csf_p05": 98.88105392456055,
  "summary_csf_p95": 455.2101135253906,
  "summary_csf_stdv": 120.2669906616211,
  "summary_gm_k": 0.7140899445218576,
  "summary_gm_mad": 58.26787792454368,
  "summary_gm_mean": 656.390380859375,
  "summary_gm_median": 649.8085327148438,
  "summary_gm_n": 22958.0,
  "summary_gm_p05": 565.6418548583985,
  "summary_gm_p95": 774.5846893310546,
  "summary_gm_stdv": 63.61493682861328,
  "summary_wm_k": 1.7396621940357244,
  "summary_wm_mad": 33.27891796128053,
  "summary_wm_mean": 996.0922241210938,
  "summary_wm_median": 999.9945068359375,
  "summary_wm_n": 168373.0,
  "summary_wm_p05": 921.97412109375,
  "summary_wm_p95": 1054.027587890625,
  "summary_wm_stdv": 40.330684661865234,
  "tpm_overlap_csf": 0.1825559288263321,
  "tpm_overlap_gm": 0.4575783610343933,
  "tpm_overlap_wm": 0.5151519775390625,
  "wm2max": 0.7109285936482281
}