{
  "aor": 0.004163629629629629,
  "aqi": 0.00305931562962963,
  "bids_meta": {
    "AcquisitionNumber": 9,
    "BidsifyVersion": "0.3.5",
    "ConversionSoftware": "dcm2niix",
    "ConversionSoftwareVersion": "v1.0.20181125  GCC6.3.0",
    "EchoTime": 0.02763,
    "EffectiveEchoSpacing": 0.0006909035636805814,
    "FlipAngle": 76.1,
    "ImageComments": "PIOP2",
    "ImageOrientationPatientDICOM": [
      0.997425,
      0.0671237,
      -0.0252653,
      -0.0667735,
      0.997663,
      0.0144605
    ],
    "Manufacturer": "Philips",
    "NumberOfVolumesDiscardedByScanner": 2,
    "ParallelAcquisitionTechnique": "SENSE",
    "ParallelReductionFactorInPlane": 2,
    "PatientPosition": "HFS",
    "PhaseEncodingDirection": "j",
    "PhilipsRescaleIntercept": 0,
    "PhilipsRescaleSlope": 0.81538,
    "PhilipsScaleSlope": 0.0539644,
    "ProtocolName": "WIPtask-harriri_boldSENSE",
    "PulseSequenceType": "gradient echo EPI",
    "ReconMatrixPE": 80,
    "RepetitionTime": 2,
    "SeriesDescription": "ImageMRSERIES",
    "SeriesNumber": 9,
    "SliceEncodingDirection": "k",
    "SliceTiming": [
      0.0,
      0.0556,
      0.1111,
      0.1667,
      0.2222,
      0.2778,
      0.3333,
      0.3889,
      0.4444,
      0.5,
      0.5556,
      0.6111,
      0.6667,
      0.7222,
      0.7778,
      0.8333,
      0.8889,
      0.9444,
      1.0,
      1.0556,
      1.1111,
      1.1667,
      1.2222,
      1.2778,
      1.3333,
      1.3889,
      1.4444,
      1.5,
      1.5556,
      1.6111,
      1.6667,
      1.7222,
      1.7778,
      1.8333,
      1.8889,
      1.9444
    ],
    "TaskName": "emomatching",
    "TotalReadoutTime": 0.026945238983542674,
    "UsePhilipsFloatNotDisplayScaling": 1,
    "WaterFatShift": 12,
    "acq_id": "seq",
    "dataset": "ds002790",
    "modality": "bold",
    "subject_id": "0032",
    "task_id": "emomatching"
  },
  "dummy_trs": 0,
  "dvars_nstd": 19.440187561268644,
  "dvars_std": 1.2714717108208955,
  "dvars_vstd": 1.047078203731343,
  "efc": 0.4217985348503793,
  "fber": 179122.703125,
  "fd_mean": 0.11410008066870436,
  "fd_num": 7,
  "fd_perc": 5.185185185185185,
  "fwhm_avg": 1.8273075839208326,
  "fwhm_x": 1.8134166666666667,
  "fwhm_y": 1.9736666666666667,
  "fwhm_z": 1.694839418429164,
  "gcor": 0.0705145,
  "gsr_x": -0.0075165219604969025,
  "gsr_y": 0.006733534391969442,
  "provenance": {
    "md5sum": "44a4d0e9ebfc4acfaea5c1ee64b878da",
    "settings": {
      "fd_thres": 0.2,
      "testing": false
    },
    "software": "mriqc",
    "version": "22.0.0rc1",
    "webapi_port": null,
    "webapi_url": "https://mriqc.nimh.nih.gov/api/v1"
  },
  "size_t": 135,
  "size_x": 80,
  "size_y": 80,
  "size_z": 36,
  "snr": 6.071598031618334,
  "spacing_tr": 2.0,
  "spacing_x": 3.0,
  "spacing_y": 3.0,
  "spacing_z": 3.299999952316284,
  "summary_bg_k": 45.329661719604154,
  "summary_bg_mad": 64.36168925159384,
  "summary_bg_mean": 719.7320556640625,
  "summary_bg_median": 61.83061599731445,
  "summary_bg_n": 158334.0,
  "summary_bg_p05": 9.147145843505859,
  "summary_bg_p95": 4095.676464843753,
  "summary_bg_stdv": 1962.967529296875,
  "summary_fg_k": 0.867422952392392,
  "summary_fg_mad": 4512.708146773381,
  "summary_fg_mean": 26714.298828125,
  "summary_fg_median": 26535.38671875,
  "summary_fg_n": 31430.0,
  "summary_fg_p05": 20134.846484375,
  "summary_fg_p95": 33687.291796875,
  "summary_fg_stdv": 4370.3427734375,
  "tsnr": 92.69715881347656
}