{
  "aor": 0.0018850000000000002,
  "aqi": 0.005155068791666666,
  "bids_meta": {
    "AcquisitionNumber": 5,
    "BidsifyVersion": "0.3.5",
    "ConversionSoftware": "dcm2niix",
    "ConversionSoftwareVersion": "v1.0.20181125  GCC6.3.0",
    "EchoTime": 0.02763,
    "EffectiveEchoSpacing": 0.0006909035636805814,
    "FlipAngle": 76.1,
    "ImageComments": "PIOP2",
    "ImageOrientationPatientDICOM": [
      0.997425,
      0.0671237,
      -0.0252653,
      -0.0667735,
      0.997663,
      0.0144605
    ],
    "Manufacturer": "Philips",
    "NumberOfVolumesDiscardedByScanner": 2,
    "ParallelAcquisitionTechnique": "SENSE",
    "ParallelReductionFactorInPlane": 2,
    "PatientPosition": "HFS",
    "PhaseEncodingDirection": "j",
    "PhilipsRescaleIntercept": 0,
    "PhilipsRescaleSlope": 0.80586,
    "PhilipsScaleSlope": 0.0516892,
    "ProtocolName": "WIPtask-rest_boldSENSE",
    "PulseSequenceType": "gradient echo EPI",
    "ReconMatrixPE": 80,
    "RepetitionTime": 2,
    "SeriesDescription": "ImageMRSERIES",
    "SeriesNumber": 5,
    "SliceEncodingDirection": "k",
    "SliceTiming": [
      0.0,
      0.0556,
      0.1111,
      0.1667,
      0.2222,
      0.2778,
      0.3333,
      0.3889,
      0.4444,
      0.5,
      0.5556,
      0.6111,
      0.6667,
      0.7222,
      0.7778,
      0.8333,
      0.8889,
      0.9444,
      1.0,
      1.0556,
      1.1111,
      1.1667,
      1.2222,
      1.2778,
      1.3333,
      1.3889,
      1.4444,
      1.5,
      1.5556,
      1.6111,
      1.6667,
      1.7222,
      1.7778,
      1.8333,
      1.8889,
      1.9444
    ],
    "TaskName": "restingstate",
    "TotalReadoutTime": 0.026945238983542674,
    "UsePhilipsFloatNotDisplayScaling": 1,
    "WaterFatShift": 12,
    "acq_id": "seq",
    "dataset": "ds002790",
    "modality": "bold",
    "subject_id": "0032",
    "task_id": "restingstate"
  },
  "dummy_trs": 0,
  "dvars_nstd": 20.1455818561088,
  "dvars_std": 1.2309841851046028,
  "dvars_vstd": 1.0102814695397482,
  "efc": 0.4211660253386266,
  "fber": 179033.703125,
  "fd_mean": 0.1367252405489996,
  "fd_num": 29,
  "fd_perc": 12.083333333333334,
  "fwhm_avg": 1.8644745537956489,
  "fwhm_x": 1.8542866666666666,
  "fwhm_y": 2.0073733333333332,
  "fwhm_z": 1.7317636613869472,
  "gcor": 0.0683005,
  "gsr_x": -0.007873444817960262,
  "gsr_y": 0.007364864926785231,
  "provenance": {
    "md5sum": "5c6eb5911e13c2b574a6d1641d6e10ef",
    "settings": {
      "fd_thres": 0.2,
      "testing": false
    },
    "software": "mriqc",
    "version": "22.0.0rc1",
    "webapi_port": null,
    "webapi_url": "https://mriqc.nimh.nih.gov/api/v1"
  },
  "size_t": 240,
  "size_x": 80,
  "size_y": 80,
  "size_z": 36,
  "snr": 5.837446295760716,
  "spacing_tr": 2.0,
  "spacing_x": 3.0,
  "spacing_y": 3.0,
  "spacing_z": 3.299999952316284,
  "summary_bg_k": 50.692584947626095,
  "summary_bg_mad": 65.18586726155552,
  "summary_bg_mean": 720.458251953125,
  "summary_bg_median": 62.47557830810547,
  "summary_bg_n": 158253.0,
  "summary_bg_p05": 9.5049861907959,
  "summary_bg_p95": 4063.7374511718745,
  "summary_bg_stdv": 1985.2734375,
  "summary_fg_k": 0.9389665478573264,
  "summary_fg_mad": 4647.286150884802,
  "summary_fg_mean": 27081.458984375,
  "summary_fg_median": 26837.677734375,
  "summary_fg_n": 31501.0,
  "summary_fg_p05": 20254.697265625,
  "summary_fg_p95": 34543.359375,
  "summary_fg_stdv": 4597.43017578125,
  "tsnr": 74.57170104980469
}