{
  "aor": 0.0034745625000000002,
  "aqi": 0.0051240915625000005,
  "bids_meta": {
    "AcquisitionNumber": 3,
    "BidsifyVersion": "0.3.5",
    "ConversionSoftware": "dcm2niix",
    "ConversionSoftwareVersion": "v1.0.20181125  GCC6.3.0",
    "EchoTime": 0.02763,
    "EffectiveEchoSpacing": 0.0006909035636805814,
    "FlipAngle": 76.1,
    "ImageComments": "PIOP2",
    "ImageOrientationPatientDICOM": [
      0.998722,
      0.0500685,
      0.00690058,
      -0.0493698,
      0.99566,
      -0.078896
    ],
    "Manufacturer": "Philips",
    "NumberOfVolumesDiscardedByScanner": 2,
    "ParallelAcquisitionTechnique": "SENSE",
    "ParallelReductionFactorInPlane": 2,
    "PatientPosition": "HFS",
    "PhaseEncodingDirection": "j",
    "PhilipsRescaleIntercept": 0,
    "PhilipsRescaleSlope": 0.7956,
    "PhilipsScaleSlope": 0.0611402,
    "ProtocolName": "WIPtask-wm_boldSENSE",
    "PulseSequenceType": "gradient echo EPI",
    "ReconMatrixPE": 80,
    "RepetitionTime": 2,
    "SeriesDescription": "ImageMRSERIES",
    "SeriesNumber": 3,
    "SliceEncodingDirection": "k",
    "SliceTiming": [
      0.0,
      0.0556,
      0.1111,
      0.1667,
      0.2222,
      0.2778,
      0.3333,
      0.3889,
      0.4444,
      0.5,
      0.5556,
      0.6111,
      0.6667,
      0.7222,
      0.7778,
      0.8333,
      0.8889,
      0.9444,
      1.0,
      1.0556,
      1.1111,
      1.1667,
      1.2222,
      1.2778,
      1.3333,
      1.3889,
      1.4444,
      1.5,
      1.5556,
      1.6111,
      1.6667,
      1.7222,
      1.7778,
      1.8333,
      1.8889,
      1.9444
    ],
    "TaskName": "workingmemory",
    "TotalReadoutTime": 0.026945238983542674,
    "UsePhilipsFloatNotDisplayScaling": 1,
    "WaterFatShift": 12,
    "acq_id": "seq",
    "dataset": "ds002790",
    "modality": "bold",
    "subject_id": "0110",
    "task_id": "workingmemory"
  },
  "dummy_trs": 0,
  "dvars_nstd": 15.911745161509444,
  "dvars_std": 1.2008614457861628,
  "dvars_vstd": 1.0059958855974842,
  "efc": 0.4242101447081171,
  "fber": 255406.828125,
  "fd_mean": 0.09441092292402645,
  "fd_num": 11,
  "fd_perc": 6.875,
  "fwhm_avg": 1.929813341943696,
  "fwhm_x": 1.85145,
  "fwhm_y": 2.150323333333333,
  "fwhm_z": 1.7876666924977547,
  "gcor": 0.0420141,
  "gsr_x": -0.018876587972044945,
  "gsr_y": 0.015199780464172363,
  "provenance": {
    "md5sum": "f94388350bc3d5fb23cb85895ea2a719",
    "settings": {
      "fd_thres": 0.2,
      "testing": false
    },
    "software": "mriqc",
    "version": "22.0.0rc1",
    "webapi_port": null,
    "webapi_url": "https://mriqc.nimh.nih.gov/api/v1"
  },
  "size_t": 160,
  "size_x": 80,
  "size_y": 80,
  "size_z": 36,
  "snr": 5.7164840981280856,
  "spacing_tr": 2.0,
  "spacing_x": 3.0,
  "spacing_y": 3.0,
  "spacing_z": 3.299999952316284,
  "summary_bg_k": 69.72040523280974,
  "summary_bg_mad": 49.39627862496856,
  "summary_bg_mean": 572.4038696289062,
  "summary_bg_median": 46.364166259765625,
  "summary_bg_n": 155942.0,
  "summary_bg_p05": 3.9031424641609194,
  "summary_bg_p95": 2874.3857543945255,
  "summary_bg_stdv": 1778.929443359375,
  "summary_fg_k": 1.7378360982668015,
  "summary_fg_mad": 4055.600454572914,
  "summary_fg_mean": 24525.541015625,
  "summary_fg_median": 24139.919921875,
  "summary_fg_n": 34291.0,
  "summary_fg_p05": 18539.701171875,
  "summary_fg_p95": 31498.1015625,
  "summary_fg_stdv": 4222.7998046875,
  "tsnr": 83.319580078125
}