{
  "aor": 0.0067852500000000005,
  "aqi": 0.009636882125000001,
  "bids_meta": {
    "AcquisitionNumber": 4,
    "BidsifyVersion": "0.3.5",
    "ConversionSoftware": "dcm2niix",
    "ConversionSoftwareVersion": "v1.0.20181125  GCC6.3.0",
    "EchoTime": 0.02763,
    "EffectiveEchoSpacing": 0.0006909035636805814,
    "FlipAngle": 76.1,
    "ImageComments": "PIOP2",
    "ImageOrientationPatientDICOM": [
      0.998722,
      0.0500685,
      0.00690058,
      -0.0493698,
      0.99566,
      -0.078896
    ],
    "Manufacturer": "Philips",
    "NumberOfVolumesDiscardedByScanner": 2,
    "ParallelAcquisitionTechnique": "SENSE",
    "ParallelReductionFactorInPlane": 2,
    "PatientPosition": "HFS",
    "PhaseEncodingDirection": "j",
    "PhilipsRescaleIntercept": 0,
    "PhilipsRescaleSlope": 0.78462,
    "PhilipsScaleSlope": 0.0595001,
    "ProtocolName": "WIPtask-rest_boldSENSE",
    "PulseSequenceType": "gradient echo EPI",
    "ReconMatrixPE": 80,
    "RepetitionTime": 2,
    "SeriesDescription": "ImageMRSERIES",
    "SeriesNumber": 4,
    "SliceEncodingDirection": "k",
    "SliceTiming": [
      0.0,
      0.0556,
      0.1111,
      0.1667,
      0.2222,
      0.2778,
      0.3333,
      0.3889,
      0.4444,
      0.5,
      0.5556,
      0.6111,
      0.6667,
      0.7222,
      0.7778,
      0.8333,
      0.8889,
      0.9444,
      1.0,
      1.0556,
      1.1111,
      1.1667,
      1.2222,
      1.2778,
      1.3333,
      1.3889,
      1.4444,
      1.5,
      1.5556,
      1.6111,
      1.6667,
      1.7222,
      1.7778,
      1.8333,
      1.8889,
      1.9444
    ],
    "TaskName": "restingstate",
    "TotalReadoutTime": 0.026945238983542674,
    "UsePhilipsFloatNotDisplayScaling": 1,
    "WaterFatShift": 12,
    "acq_id": "seq",
    "dataset": "ds002790",
    "modality": "bold",
    "subject_id": "0110",
    "task_id": "restingstate"
  },
  "dummy_trs": 0,
  "dvars_nstd": 21.356832659958155,
  "dvars_std": 1.2565278879916315,
  "dvars_vstd": 1.0071968025523008,
  "efc": 0.42309321241172015,
  "fber": 261714.921875,
  "fd_mean": 0.18878734227436683,
  "fd_num": 51,
  "fd_perc": 21.25,
  "fwhm_avg": 1.9186190994071992,
  "fwhm_x": 1.8465766666666665,
  "fwhm_y": 2.14492,
  "fwhm_z": 1.7643606315549307,
  "gcor": 0.114202,
  "gsr_x": -0.01890074461698532,
  "gsr_y": 0.015174617059528828,
  "provenance": {
    "md5sum": "e1fdfa80a68471a1753fd1fb3988e86e",
    "settings": {
      "fd_thres": 0.2,
      "testing": false
    },
    "software": "mriqc",
    "version": "22.0.0rc1",
    "webapi_port": null,
    "webapi_url": "https://mriqc.nimh.nih.gov/api/v1"
  },
  "size_t": 240,
  "size_x": 80,
  "size_y": 80,
  "size_z": 36,
  "snr": 5.739157658169603,
  "spacing_tr": 2.0,
  "spacing_x": 3.0,
  "spacing_y": 3.0,
  "spacing_z": 3.299999952316284,
  "summary_bg_k": 73.8005957369356,
  "summary_bg_mad": 48.70590407393007,
  "summary_bg_mean": 571.998046875,
  "summary_bg_median": 45.797733306884766,
  "summary_bg_n": 156265.0,
  "summary_bg_p05": 4.387705135345459,
  "summary_bg_p95": 2881.472802734371,
  "summary_bg_stdv": 1784.9644775390625,
  "summary_fg_k": 1.7349429894868624,
  "summary_fg_mad": 3987.455770963358,
  "summary_fg_mean": 24390.984375,
  "summary_fg_median": 24007.84375,
  "summary_fg_n": 33989.0,
  "summary_fg_p05": 18500.117578125,
  "summary_fg_p95": 31315.228515625,
  "summary_fg_stdv": 4183.103515625,
  "tsnr": 59.07622528076172
}