{
  "aor": 0.005283840000000001,
  "aqi": 0.00379923136,
  "bids_meta": {
    "AcquisitionNumber": 7,
    "BidsifyVersion": "0.3.5",
    "ConversionSoftware": "dcm2niix",
    "ConversionSoftwareVersion": "v1.0.20181125  GCC6.3.0",
    "EchoTime": 0.02763,
    "EffectiveEchoSpacing": 0.0006909035636805814,
    "FlipAngle": 76.1,
    "ImageComments": "PIOP2",
    "ImageOrientationPatientDICOM": [
      0.997606,
      0.0691198,
      -0.0021243,
      -0.0671354,
      0.975417,
      0.209894
    ],
    "Manufacturer": "Philips",
    "NumberOfVolumesDiscardedByScanner": 2,
    "ParallelAcquisitionTechnique": "SENSE",
    "ParallelReductionFactorInPlane": 2,
    "PatientPosition": "HFS",
    "PhaseEncodingDirection": "j",
    "PhilipsRescaleIntercept": 0,
    "PhilipsRescaleSlope": 0.75238,
    "PhilipsScaleSlope": 0.0547087,
    "ProtocolName": "WIPtask-stop_boldSENSE",
    "PulseSequenceType": "gradient echo EPI",
    "ReconMatrixPE": 80,
    "RepetitionTime": 2,
    "SeriesDescription": "ImageMRSERIES",
    "SeriesNumber": 7,
    "SliceEncodingDirection": "k",
    "SliceTiming": [
      0.0,
      0.0556,
      0.1111,
      0.1667,
      0.2222,
      0.2778,
      0.3333,
      0.3889,
      0.4444,
      0.5,
      0.5556,
      0.6111,
      0.6667,
      0.7222,
      0.7778,
      0.8333,
      0.8889,
      0.9444,
      1.0,
      1.0556,
      1.1111,
      1.1667,
      1.2222,
      1.2778,
      1.3333,
      1.3889,
      1.4444,
      1.5,
      1.5556,
      1.6111,
      1.6667,
      1.7222,
      1.7778,
      1.8333,
      1.8889,
      1.9444
    ],
    "TaskName": "stopsignal",
    "TotalReadoutTime": 0.026945238983542674,
    "UsePhilipsFloatNotDisplayScaling": 1,
    "WaterFatShift": 12,
    "acq_id": "seq",
    "dataset": "ds002790",
    "modality": "bold",
    "subject_id": "0063",
    "task_id": "stopsignal"
  },
  "dummy_trs": 0,
  "dvars_nstd": 22.279786589036153,
  "dvars_std": 1.4582956527710846,
  "dvars_vstd": 1.0656972430923686,
  "efc": 0.45128661847801405,
  "fber": 245807.84375,
  "fd_mean": 0.14915448308189574,
  "fd_num": 29,
  "fd_perc": 11.6,
  "fwhm_avg": 2.1156412214771603,
  "fwhm_x": 2.06211,
  "fwhm_y": 2.34235,
  "fwhm_z": 1.9424636644314803,
  "gcor": 0.0479448,
  "gsr_x": -0.015234697610139847,
  "gsr_y": 0.020446671172976494,
  "provenance": {
    "md5sum": "e2cf98be8c4538461c566ad5b140d443",
    "settings": {
      "fd_thres": 0.2,
      "testing": false
    },
    "software": "mriqc",
    "version": "22.0.0rc1",
    "webapi_port": null,
    "webapi_url": "https://mriqc.nimh.nih.gov/api/v1"
  },
  "size_t": 250,
  "size_x": 80,
  "size_y": 80,
  "size_z": 36,
  "snr": 5.304489900205194,
  "spacing_tr": 2.0,
  "spacing_x": 3.0,
  "spacing_y": 3.0,
  "spacing_z": 3.299999952316284,
  "summary_bg_k": 69.4021941564791,
  "summary_bg_mad": 57.49227724528582,
  "summary_bg_mean": 663.2767333984375,
  "summary_bg_median": 50.21150207519531,
  "summary_bg_n": 150146.0,
  "summary_bg_p05": 2.5842220187187195,
  "summary_bg_p95": 3428.7760620117188,
  "summary_bg_stdv": 1938.9088134765625,
  "summary_fg_k": 3.154087287809375,
  "summary_fg_mad": 3929.1246399290285,
  "summary_fg_mean": 26311.423828125,
  "summary_fg_median": 25523.4140625,
  "summary_fg_n": 39296.0,
  "summary_fg_p05": 20274.34033203125,
  "summary_fg_p95": 34607.833984375,
  "summary_fg_stdv": 4811.60107421875,
  "tsnr": 99.35098266601562
}