{
  "aor": 0.012927621145374449,
  "aqi": 0.006455963524229075,
  "bids_meta": {
    "AcquisitionNumber": 7,
    "BidsifyVersion": "0.3.5",
    "ConversionSoftware": "dcm2niix",
    "ConversionSoftwareVersion": "v1.0.20181125  GCC6.3.0",
    "EchoTime": 0.02763,
    "EffectiveEchoSpacing": 0.0006909035636805814,
    "FlipAngle": 76.1,
    "ImageComments": "PIOP2",
    "ImageOrientationPatientDICOM": [
      0.993933,
      -0.109056,
      0.0142976,
      0.104817,
      0.978554,
      0.177329
    ],
    "Manufacturer": "Philips",
    "NumberOfVolumesDiscardedByScanner": 2,
    "ParallelAcquisitionTechnique": "SENSE",
    "ParallelReductionFactorInPlane": 2,
    "PatientPosition": "HFS",
    "PhaseEncodingDirection": "j",
    "PhilipsRescaleIntercept": 0,
    "PhilipsRescaleSlope": 0.87326,
    "PhilipsScaleSlope": 0.0618298,
    "ProtocolName": "WIPtask-stop_boldSENSE",
    "PulseSequenceType": "gradient echo EPI",
    "ReconMatrixPE": 80,
    "RepetitionTime": 2,
    "SeriesDescription": "ImageMRSERIES",
    "SeriesNumber": 7,
    "SliceEncodingDirection": "k",
    "SliceTiming": [
      0.0,
      0.0556,
      0.1111,
      0.1667,
      0.2222,
      0.2778,
      0.3333,
      0.3889,
      0.4444,
      0.5,
      0.5556,
      0.6111,
      0.6667,
      0.7222,
      0.7778,
      0.8333,
      0.8889,
      0.9444,
      1.0,
      1.0556,
      1.1111,
      1.1667,
      1.2222,
      1.2778,
      1.3333,
      1.3889,
      1.4444,
      1.5,
      1.5556,
      1.6111,
      1.6667,
      1.7222,
      1.7778,
      1.8333,
      1.8889,
      1.9444
    ],
    "TaskName": "stopsignal",
    "TotalReadoutTime": 0.026945238983542674,
    "UsePhilipsFloatNotDisplayScaling": 1,
    "WaterFatShift": 12,
    "acq_id": "seq",
    "dataset": "ds002790",
    "modality": "bold",
    "subject_id": "0199",
    "task_id": "stopsignal"
  },
  "dummy_trs": 0,
  "dvars_nstd": 18.279568030796458,
  "dvars_std": 1.4144380165929198,
  "dvars_vstd": 1.161029527964602,
  "efc": 0.4119151978484683,
  "fber": 206797.8125,
  "fd_mean": 0.14098229452870056,
  "fd_num": 14,
  "fd_perc": 6.167400881057269,
  "fwhm_avg": 1.9833716252840643,
  "fwhm_x": 1.9187466666666666,
  "fwhm_y": 2.137383333333333,
  "fwhm_z": 1.8939848758521929,
  "gcor": 0.0524884,
  "gsr_x": -0.009757163934409618,
  "gsr_y": 0.010276954621076584,
  "provenance": {
    "md5sum": "3a0868ea3d8ba92016d52cb0ea8ffd93",
    "settings": {
      "fd_thres": 0.2,
      "testing": false
    },
    "software": "mriqc",
    "version": "22.0.0rc1",
    "webapi_port": null,
    "webapi_url": "https://mriqc.nimh.nih.gov/api/v1"
  },
  "size_t": 227,
  "size_x": 80,
  "size_y": 80,
  "size_z": 36,
  "snr": 6.8962115432407565,
  "spacing_tr": 2.0,
  "spacing_x": 3.0,
  "spacing_y": 3.0,
  "spacing_z": 3.299999952316284,
  "summary_bg_k": 90.09725417823995,
  "summary_bg_mad": 58.91858071783945,
  "summary_bg_mean": 566.56884765625,
  "summary_bg_median": 56.429630279541016,
  "summary_bg_n": 159031.0,
  "summary_bg_p05": 8.211337089538574,
  "summary_bg_p95": 2636.9239501953125,
  "summary_bg_stdv": 1645.3114013671875,
  "summary_fg_k": 2.259625394683919,
  "summary_fg_mad": 3484.315017302768,
  "summary_fg_mean": 26397.916015625,
  "summary_fg_median": 26138.689453125,
  "summary_fg_n": 31654.0,
  "summary_fg_p05": 20966.9791015625,
  "summary_fg_p95": 32816.6271484375,
  "summary_fg_stdv": 3790.237060546875,
  "tsnr": 86.57333374023438
}