{
  "aor": 0.007165481481481481,
  "aqi": 0.005601259555555556,
  "bids_meta": {
    "AcquisitionNumber": 8,
    "BidsifyVersion": "0.3.5",
    "ConversionSoftware": "dcm2niix",
    "ConversionSoftwareVersion": "v1.0.20181125  GCC6.3.0",
    "EchoTime": 0.02763,
    "EffectiveEchoSpacing": 0.0006909035636805814,
    "FlipAngle": 76.1,
    "ImageComments": "PIOP2",
    "ImageOrientationPatientDICOM": [
      0.993933,
      -0.109056,
      0.0142976,
      0.104817,
      0.978554,
      0.177329
    ],
    "Manufacturer": "Philips",
    "NumberOfVolumesDiscardedByScanner": 2,
    "ParallelAcquisitionTechnique": "SENSE",
    "ParallelReductionFactorInPlane": 2,
    "PatientPosition": "HFS",
    "PhaseEncodingDirection": "j",
    "PhilipsRescaleIntercept": 0,
    "PhilipsRescaleSlope": 0.84469,
    "PhilipsScaleSlope": 0.0641185,
    "ProtocolName": "WIPtask-harriri_boldSENSE",
    "PulseSequenceType": "gradient echo EPI",
    "ReconMatrixPE": 80,
    "RepetitionTime": 2,
    "SeriesDescription": "ImageMRSERIES",
    "SeriesNumber": 8,
    "SliceEncodingDirection": "k",
    "SliceTiming": [
      0.0,
      0.0556,
      0.1111,
      0.1667,
      0.2222,
      0.2778,
      0.3333,
      0.3889,
      0.4444,
      0.5,
      0.5556,
      0.6111,
      0.6667,
      0.7222,
      0.7778,
      0.8333,
      0.8889,
      0.9444,
      1.0,
      1.0556,
      1.1111,
      1.1667,
      1.2222,
      1.2778,
      1.3333,
      1.3889,
      1.4444,
      1.5,
      1.5556,
      1.6111,
      1.6667,
      1.7222,
      1.7778,
      1.8333,
      1.8889,
      1.9444
    ],
    "TaskName": "emomatching",
    "TotalReadoutTime": 0.026945238983542674,
    "UsePhilipsFloatNotDisplayScaling": 1,
    "WaterFatShift": 12,
    "acq_id": "seq",
    "dataset": "ds002790",
    "modality": "bold",
    "subject_id": "0199",
    "task_id": "emomatching"
  },
  "dummy_trs": 0,
  "dvars_nstd": 18.073838119850752,
  "dvars_std": 1.3383437156716416,
  "dvars_vstd": 1.0653871408955218,
  "efc": 0.412390105185557,
  "fber": 207367.90625,
  "fd_mean": 0.12086316724874137,
  "fd_num": 9,
  "fd_perc": 6.666666666666667,
  "fwhm_avg": 1.972978089857347,
  "fwhm_x": 1.8977533333333334,
  "fwhm_y": 2.1423900000000002,
  "fwhm_z": 1.878790936238707,
  "gcor": 0.0797319,
  "gsr_x": -0.009870738722383976,
  "gsr_y": 0.009145809337496758,
  "provenance": {
    "md5sum": "76db84fb7a1eb46c336823a64b1b7691",
    "settings": {
      "fd_thres": 0.2,
      "testing": false
    },
    "software": "mriqc",
    "version": "22.0.0rc1",
    "webapi_port": null,
    "webapi_url": "https://mriqc.nimh.nih.gov/api/v1"
  },
  "size_t": 135,
  "size_x": 80,
  "size_y": 80,
  "size_z": 36,
  "snr": 6.948448951978075,
  "spacing_tr": 2.0,
  "spacing_x": 3.0,
  "spacing_y": 3.0,
  "spacing_z": 3.299999952316284,
  "summary_bg_k": 88.19947056841853,
  "summary_bg_mad": 59.5225987118926,
  "summary_bg_mean": 572.3226318359375,
  "summary_bg_median": 56.44920349121094,
  "summary_bg_n": 159070.0,
  "summary_bg_p05": 7.867871832847595,
  "summary_bg_p95": 2676.8926391601476,
  "summary_bg_stdv": 1641.48291015625,
  "summary_fg_k": 2.1952909618832592,
  "summary_fg_mad": 3465.394464772073,
  "summary_fg_mean": 26385.7578125,
  "summary_fg_median": 26132.458984375,
  "summary_fg_n": 31645.0,
  "summary_fg_p05": 20987.8953125,
  "summary_fg_p95": 32755.325390625,
  "summary_fg_stdv": 3760.845947265625,
  "tsnr": 91.71759796142578
}