{
  "bids_meta": {
    "AcquisitionNumber": 2,
    "BidsifyVersion": "0.3.5",
    "ConversionSoftware": "dcm2niix",
    "ConversionSoftwareVersion": "v1.0.20181125  GCC6.3.0",
    "EchoTime": 0.00374,
    "ImageComments": "PIOP2",
    "ImageOrientationPatientDICOM": [
      0.999982,
      0.00494001,
      -0.00332922,
      -0.00506141,
      0.999284,
      -0.0374994
    ],
    "Manufacturer": "Philips",
    "NumberSignalAcquisitions": 2,
    "PatientPosition": "HFS",
    "PhilipsRescaleIntercept": 0,
    "PhilipsRescaleSlope": 8.4188,
    "PhilipsScaleSlope": 0.00718826,
    "ProtocolName": "WIPT1anat_acq-6m_T1wSENSE",
    "ReconMatrixPE": 240,
    "RepetitionTime": 0.008182,
    "SeriesDescription": "ImageMRSERIES",
    "SeriesNumber": 2,
    "UsePhilipsFloatNotDisplayScaling": 1,
    "dataset": "ds002790",
    "modality": "T1w",
    "subject_id": "0152"
  },
  "cjv": 0.2770462538336041,
  "cnr": 4.19436227641144,
  "efc": 0.7597100467912534,
  "fber": 574.2686157226562,
  "fwhm_avg": 4.4297436059354025,
  "fwhm_x": 4.15594,
  "fwhm_y": 4.546070270966904,
  "fwhm_z": 4.587220546839303,
  "icvs_csf": 0.2868705754408203,
  "icvs_gm": 0.3663063504023884,
  "icvs_wm": 0.3468230741567913,
  "inu_med": 0.475784569978714,
  "inu_range": 0.1610518157482147,
  "provenance": {
    "md5sum": "0bb0af6f54ea20e55b2a0be3556ccbc4",
    "settings": {
      "testing": false
    },
    "software": "mriqc",
    "version": "22.0.0rc1",
    "warnings": {
      "large_rot_frame": true,
      "small_air_mask": true
    },
    "webapi_port": null,
    "webapi_url": "https://mriqc.nimh.nih.gov/api/v1"
  },
  "qi_1": 0.0003230734438244511,
  "qi_2": 0.000316154992649408,
  "rpve_csf": 27.238270269801674,
  "rpve_gm": 18.916307643934104,
  "rpve_wm": 27.64063163981898,
  "size_x": 240,
  "size_y": 240,
  "size_z": 220,
  "snr_csf": 3.0109972542118553,
  "snr_gm": 8.907656326797875,
  "snr_total": 12.399943348296434,
  "snr_wm": 25.281176463879575,
  "snrd_csf": 21.928178029145492,
  "snrd_gm": 41.951977162026274,
  "snrd_total": 42.826608198752616,
  "snrd_wm": 64.59966940508608,
  "spacing_x": 1.0,
  "spacing_y": 0.9999999403953552,
  "spacing_z": 0.9999998807907104,
  "summary_bg_k": 329.81856248668066,
  "summary_bg_mad": 10.141494272685495,
  "summary_bg_mean": 10.418314933776855,
  "summary_bg_median": 7.195132255554199,
  "summary_bg_n": 90405.0,
  "summary_bg_p05": 0.0,
  "summary_bg_p95": 27.534478378295898,
  "summary_bg_stdv": 10.350695610046387,
  "summary_csf_k": -0.4300483153509358,
  "summary_csf_mad": 111.98456338823348,
  "summary_csf_mean": 321.3581848144531,
  "summary_csf_median": 339.4476318359375,
  "summary_csf_n": 13211.0,
  "summary_csf_p05": 107.47551727294922,
  "summary_csf_p95": 475.3164978027344,
  "summary_csf_stdv": 112.73168182373047,
  "summary_gm_k": 0.7282486725328883,
  "summary_gm_mad": 61.99171247012677,
  "summary_gm_mean": 654.690673828125,
  "summary_gm_median": 649.41552734375,
  "summary_gm_n": 11190.0,
  "summary_gm_p05": 543.732177734375,
  "summary_gm_p95": 788.2280090332031,
  "summary_gm_stdv": 72.90206146240234,
  "summary_wm_k": 1.49957314120591,
  "summary_wm_mad": 35.13674052274472,
  "summary_wm_mean": 997.397705078125,
  "summary_wm_median": 1000.001220703125,
  "summary_wm_n": 160222.0,
  "summary_wm_p05": 926.4234802246094,
  "summary_wm_p95": 1055.0463500976562,
  "summary_wm_stdv": 39.55504608154297,
  "tpm_overlap_csf": 0.16952936351299286,
  "tpm_overlap_gm": 0.4354430139064789,
  "tpm_overlap_wm": 0.529330313205719,
  "wm2max": 0.6887259311443507
}