{
  "bids_meta": {
    "AcquisitionNumber": 3,
    "BidsifyVersion": "0.3.5",
    "ConversionSoftware": "dcm2niix",
    "ConversionSoftwareVersion": "v1.0.20181125  GCC6.3.0",
    "EchoTime": 0.00374,
    "ImageComments": "PIOP2",
    "ImageOrientationPatientDICOM": [
      0.997425,
      0.0671237,
      -0.0252653,
      -0.0667735,
      0.997663,
      0.0144605
    ],
    "Manufacturer": "Philips",
    "NumberSignalAcquisitions": 2,
    "PatientPosition": "HFS",
    "PhilipsRescaleIntercept": 0,
    "PhilipsRescaleSlope": 8.6315,
    "PhilipsScaleSlope": 0.00699967,
    "ProtocolName": "WIPT1anat_acq-6m_T1wSENSE",
    "ReconMatrixPE": 240,
    "RepetitionTime": 0.008146,
    "SeriesDescription": "ImageMRSERIES",
    "SeriesNumber": 3,
    "UsePhilipsFloatNotDisplayScaling": 1,
    "dataset": "ds002790",
    "modality": "T1w",
    "subject_id": "0032"
  },
  "cjv": 0.24827253525695778,
  "cnr": 4.761730414345554,
  "efc": 0.7665243667106004,
  "fber": 739.8738403320312,
  "fwhm_avg": 4.537569628645624,
  "fwhm_x": 4.26727,
  "fwhm_y": 4.548049457830255,
  "fwhm_z": 4.797389428106615,
  "icvs_csf": 0.27634923130349903,
  "icvs_gm": 0.39036003904490163,
  "icvs_wm": 0.33329072965159934,
  "inu_med": 1.7304661273956299,
  "inu_range": 0.37788715958595276,
  "provenance": {
    "md5sum": "516603f27bd8aa3b32462925aca83432",
    "settings": {
      "testing": false
    },
    "software": "mriqc",
    "version": "22.0.0rc1",
    "warnings": {
      "large_rot_frame": true,
      "small_air_mask": true
    },
    "webapi_port": null,
    "webapi_url": "https://mriqc.nimh.nih.gov/api/v1"
  },
  "qi_1": 0.0,
  "qi_2": 6.0537117336963333e-05,
  "rpve_csf": 23.455030014876613,
  "rpve_gm": 15.528223072798946,
  "rpve_wm": 23.829949924669613,
  "size_x": 240,
  "size_y": 240,
  "size_z": 220,
  "snr_csf": 3.1441667016913017,
  "snr_gm": 8.583393267702375,
  "snr_total": 12.383833119624825,
  "snr_wm": 25.4239393894808,
  "snrd_csf": 24.569667872460585,
  "snrd_gm": 51.649922787586824,
  "snrd_total": 53.59557264556639,
  "snrd_wm": 84.56712727665177,
  "spacing_x": 1.0,
  "spacing_y": 1.0000001192092896,
  "spacing_z": 1.0000001192092896,
  "summary_bg_k": 35.43948336325062,
  "summary_bg_mad": 7.746889838628681,
  "summary_bg_mean": 9.045663833618164,
  "summary_bg_median": 5.364992141723633,
  "summary_bg_n": 112055.0,
  "summary_bg_p05": 0.0,
  "summary_bg_p95": 21.500235939025874,
  "summary_bg_stdv": 8.493307113647461,
  "summary_csf_k": -0.4195665687589445,
  "summary_csf_mad": 97.81027898566232,
  "summary_csf_mean": 281.25982666015625,
  "summary_csf_median": 290.53265380859375,
  "summary_csf_n": 21438.0,
  "summary_csf_p05": 117.01559143066407,
  "summary_csf_p95": 416.010122680664,
  "summary_csf_stdv": 92.40155029296875,
  "summary_gm_k": 0.7383506049927613,
  "summary_gm_mad": 62.58148663755293,
  "summary_gm_mean": 617.7606811523438,
  "summary_gm_median": 610.7526245117188,
  "summary_gm_n": 21929.0,
  "summary_gm_p05": 513.3950805664062,
  "summary_gm_p95": 750.4673950195312,
  "summary_gm_stdv": 71.15352630615234,
  "summary_wm_k": 1.6988062632794163,
  "summary_wm_mad": 34.056370168329536,
  "summary_wm_mean": 996.59423828125,
  "summary_wm_median": 999.99365234375,
  "summary_wm_n": 174870.0,
  "summary_wm_p05": 926.0448883056641,
  "summary_wm_p95": 1053.4603332519532,
  "summary_wm_stdv": 39.332645416259766,
  "tpm_overlap_csf": 0.1538318395614624,
  "tpm_overlap_gm": 0.4245632290840149,
  "tpm_overlap_wm": 0.48199641704559326,
  "wm2max": 0.8535884388380636
}