{
  "aor": 0.0018219282511210762,
  "aqi": 0.0037405770403587443,
  "bids_meta": {
    "AcquisitionNumber": 7,
    "BidsifyVersion": "0.3.5",
    "ConversionSoftware": "dcm2niix",
    "ConversionSoftwareVersion": "v1.0.20181125  GCC6.3.0",
    "EchoTime": 0.02763,
    "EffectiveEchoSpacing": 0.0006909035636805814,
    "FlipAngle": 76.1,
    "ImageComments": "PIOP2",
    "ImageOrientationPatientDICOM": [
      0.999758,
      -0.00881908,
      -0.0201713,
      0.00488578,
      0.982289,
      -0.187311
    ],
    "Manufacturer": "Philips",
    "NumberOfVolumesDiscardedByScanner": 2,
    "ParallelAcquisitionTechnique": "SENSE",
    "ParallelReductionFactorInPlane": 2,
    "PatientPosition": "HFS",
    "PhaseEncodingDirection": "j",
    "PhilipsRescaleIntercept": 0,
    "PhilipsRescaleSlope": 0.81538,
    "PhilipsScaleSlope": 0.0504193,
    "ProtocolName": "WIPtask-stop_boldSENSE",
    "PulseSequenceType": "gradient echo EPI",
    "ReconMatrixPE": 80,
    "RepetitionTime": 2,
    "SeriesDescription": "ImageMRSERIES",
    "SeriesNumber": 7,
    "SliceEncodingDirection": "k",
    "SliceTiming": [
      0.0,
      0.0556,
      0.1111,
      0.1667,
      0.2222,
      0.2778,
      0.3333,
      0.3889,
      0.4444,
      0.5,
      0.5556,
      0.6111,
      0.6667,
      0.7222,
      0.7778,
      0.8333,
      0.8889,
      0.9444,
      1.0,
      1.0556,
      1.1111,
      1.1667,
      1.2222,
      1.2778,
      1.3333,
      1.3889,
      1.4444,
      1.5,
      1.5556,
      1.6111,
      1.6667,
      1.7222,
      1.7778,
      1.8333,
      1.8889,
      1.9444
    ],
    "TaskName": "stopsignal",
    "TotalReadoutTime": 0.026945238983542674,
    "UsePhilipsFloatNotDisplayScaling": 1,
    "WaterFatShift": 12,
    "acq_id": "seq",
    "dataset": "ds002790",
    "modality": "bold",
    "subject_id": "0130",
    "task_id": "stopsignal"
  },
  "dummy_trs": 0,
  "dvars_nstd": 17.953057245945953,
  "dvars_std": 1.204950327027027,
  "dvars_vstd": 0.9744148791891891,
  "efc": 0.40815017004751025,
  "fber": 284221.5625,
  "fd_mean": 0.08711623663161809,
  "fd_num": 2,
  "fd_perc": 0.8968609865470852,
  "fwhm_avg": 1.9288737459272067,
  "fwhm_x": 1.9854,
  "fwhm_y": 2.0253666666666668,
  "fwhm_z": 1.775854571114953,
  "gcor": 0.0188772,
  "gsr_x": -0.01472340989857912,
  "gsr_y": 0.012348270043730736,
  "provenance": {
    "md5sum": "21f6a701443394a67abc31997d568154",
    "settings": {
      "fd_thres": 0.2,
      "testing": false
    },
    "software": "mriqc",
    "version": "22.0.0rc1",
    "webapi_port": null,
    "webapi_url": "https://mriqc.nimh.nih.gov/api/v1"
  },
  "size_t": 223,
  "size_x": 80,
  "size_y": 80,
  "size_z": 36,
  "snr": 4.986512807074831,
  "spacing_tr": 2.0,
  "spacing_x": 3.0,
  "spacing_y": 3.0,
  "spacing_z": 3.299999952316284,
  "summary_bg_k": 119.6651543821918,
  "summary_bg_mad": 50.95357397720696,
  "summary_bg_mean": 478.87884521484375,
  "summary_bg_median": 48.68603515625,
  "summary_bg_n": 156958.0,
  "summary_bg_p05": 4.673373460769653,
  "summary_bg_p95": 2267.309655761714,
  "summary_bg_stdv": 1515.313232421875,
  "summary_fg_k": 1.6606531077064624,
  "summary_fg_mad": 4993.734382577081,
  "summary_fg_mean": 27320.0859375,
  "summary_fg_median": 26695.060546875,
  "summary_fg_n": 32793.0,
  "summary_fg_p05": 20095.855859375,
  "summary_fg_p95": 36399.91484374999,
  "summary_fg_stdv": 5353.37109375,
  "tsnr": 85.79591369628906
}