{
  "aor": 0.0032456875000000003,
  "aqi": 0.003590622875,
  "bids_meta": {
    "AcquisitionNumber": 3,
    "BidsifyVersion": "0.3.5",
    "ConversionSoftware": "dcm2niix",
    "ConversionSoftwareVersion": "v1.0.20181125  GCC6.3.0",
    "EchoTime": 0.02763,
    "EffectiveEchoSpacing": 0.0006909035636805814,
    "FlipAngle": 76.1,
    "ImageComments": "PIOP2",
    "ImageOrientationPatientDICOM": [
      0.999758,
      -0.00881908,
      -0.0201713,
      0.00488578,
      0.982289,
      -0.187311
    ],
    "Manufacturer": "Philips",
    "NumberOfVolumesDiscardedByScanner": 2,
    "ParallelAcquisitionTechnique": "SENSE",
    "ParallelReductionFactorInPlane": 2,
    "PatientPosition": "HFS",
    "PhaseEncodingDirection": "j",
    "PhilipsRescaleIntercept": 0,
    "PhilipsRescaleSlope": 0.79121,
    "PhilipsScaleSlope": 0.0502232,
    "ProtocolName": "WIPtask-wm_boldSENSE",
    "PulseSequenceType": "gradient echo EPI",
    "ReconMatrixPE": 80,
    "RepetitionTime": 2,
    "SeriesDescription": "ImageMRSERIES",
    "SeriesNumber": 3,
    "SliceEncodingDirection": "k",
    "SliceTiming": [
      0.0,
      0.0556,
      0.1111,
      0.1667,
      0.2222,
      0.2778,
      0.3333,
      0.3889,
      0.4444,
      0.5,
      0.5556,
      0.6111,
      0.6667,
      0.7222,
      0.7778,
      0.8333,
      0.8889,
      0.9444,
      1.0,
      1.0556,
      1.1111,
      1.1667,
      1.2222,
      1.2778,
      1.3333,
      1.3889,
      1.4444,
      1.5,
      1.5556,
      1.6111,
      1.6667,
      1.7222,
      1.7778,
      1.8333,
      1.8889,
      1.9444
    ],
    "TaskName": "workingmemory",
    "TotalReadoutTime": 0.026945238983542674,
    "UsePhilipsFloatNotDisplayScaling": 1,
    "WaterFatShift": 12,
    "acq_id": "seq",
    "dataset": "ds002790",
    "modality": "bold",
    "subject_id": "0130",
    "task_id": "workingmemory"
  },
  "dummy_trs": 0,
  "dvars_nstd": 22.705204981509432,
  "dvars_std": 1.3611865591194972,
  "dvars_vstd": 1.0044601274213842,
  "efc": 0.4077704583783903,
  "fber": 252364.390625,
  "fd_mean": 0.1074648777137825,
  "fd_num": 8,
  "fd_perc": 5.0,
  "fwhm_avg": 1.9090932408403294,
  "fwhm_x": 1.9617733333333334,
  "fwhm_y": 1.9972033333333332,
  "fwhm_z": 1.7683030558543213,
  "gcor": 0.0307814,
  "gsr_x": -0.014239761047065258,
  "gsr_y": 0.011492232792079449,
  "provenance": {
    "md5sum": "776780cbd1e5855a3335b94dac360ab3",
    "settings": {
      "fd_thres": 0.2,
      "testing": false
    },
    "software": "mriqc",
    "version": "22.0.0rc1",
    "webapi_port": null,
    "webapi_url": "https://mriqc.nimh.nih.gov/api/v1"
  },
  "size_t": 160,
  "size_x": 80,
  "size_y": 80,
  "size_z": 36,
  "snr": 5.070675723254959,
  "spacing_tr": 2.0,
  "spacing_x": 3.0,
  "spacing_y": 3.0,
  "spacing_z": 3.299999952316284,
  "summary_bg_k": 110.42215647772083,
  "summary_bg_mad": 56.19733680632701,
  "summary_bg_mean": 480.2973327636719,
  "summary_bg_median": 53.29573440551758,
  "summary_bg_n": 156893.0,
  "summary_bg_p05": 5.362428283691406,
  "summary_bg_p95": 2194.2655761718734,
  "summary_bg_stdv": 1534.149169921875,
  "summary_fg_k": 1.505611791484136,
  "summary_fg_mad": 5064.239067764922,
  "summary_fg_mean": 28220.6875,
  "summary_fg_median": 27584.291015625,
  "summary_fg_n": 32901.0,
  "summary_fg_p05": 20811.771484375,
  "summary_fg_p95": 37500.38671875,
  "summary_fg_stdv": 5439.880859375,
  "tsnr": 87.13314056396484
}