{
  "bids_meta": {
    "AcquisitionNumber": 2,
    "BidsifyVersion": "0.3.5",
    "ConversionSoftware": "dcm2niix",
    "ConversionSoftwareVersion": "v1.0.20181125  GCC6.3.0",
    "EchoTime": 0.00374,
    "ImageComments": "PIOP2",
    "ImageOrientationPatientDICOM": [
      0.999994,
      -0.00317467,
      0.00113298,
      0.00314159,
      0.9996,
      0.0280998
    ],
    "Manufacturer": "Philips",
    "NumberSignalAcquisitions": 2,
    "PatientPosition": "HFS",
    "PhilipsRescaleIntercept": 0,
    "PhilipsRescaleSlope": 8.53309,
    "PhilipsScaleSlope": 0.00744608,
    "ProtocolName": "WIPT1anat_acq-6m_T1wSENSE",
    "ReconMatrixPE": 240,
    "RepetitionTime": 0.008166,
    "SeriesDescription": "ImageMRSERIES",
    "SeriesNumber": 2,
    "UsePhilipsFloatNotDisplayScaling": 1,
    "dataset": "ds002790",
    "modality": "T1w",
    "subject_id": "0172"
  },
  "cjv": 0.28042652165776066,
  "cnr": 4.32853101119915,
  "efc": 0.7610666974088218,
  "fber": 1582.400390625,
  "fwhm_avg": 4.674573516644052,
  "fwhm_x": 4.331770258193627,
  "fwhm_y": 4.79739,
  "fwhm_z": 4.894560291738528,
  "icvs_csf": 0.26395678722648236,
  "icvs_gm": 0.3801621385677285,
  "icvs_wm": 0.3558810742057891,
  "inu_med": 1.2742910385131836,
  "inu_range": 0.3217966437339781,
  "provenance": {
    "md5sum": "83af9f061979824134dfd42399b97e60",
    "settings": {
      "testing": false
    },
    "software": "mriqc",
    "version": "22.0.0rc1",
    "warnings": {
      "large_rot_frame": true,
      "small_air_mask": true
    },
    "webapi_port": null,
    "webapi_url": "https://mriqc.nimh.nih.gov/api/v1"
  },
  "qi_1": 0.0,
  "qi_2": 9.70007654613595e-05,
  "rpve_csf": 25.002604145927737,
  "rpve_gm": 16.325150479993937,
  "rpve_wm": 23.131768323785966,
  "size_x": 240,
  "size_y": 240,
  "size_z": 220,
  "snr_csf": 3.187181783564924,
  "snr_gm": 9.993712789582334,
  "snr_total": 14.447556957511033,
  "snr_wm": 30.161776299385842,
  "snrd_csf": 24.07350904347188,
  "snrd_gm": 49.82531902757866,
  "snrd_total": 49.30657499627756,
  "snrd_wm": 74.02089691778215,
  "spacing_x": 0.9999999403953552,
  "spacing_y": 1.0,
  "spacing_z": 0.9999999403953552,
  "summary_bg_k": 13.852541872444565,
  "summary_bg_mad": 8.850671167768546,
  "summary_bg_mean": 9.593753814697266,
  "summary_bg_median": 6.100709915161133,
  "summary_bg_n": 153224.0,
  "summary_bg_p05": 0.0,
  "summary_bg_p95": 24.262169075012206,
  "summary_bg_stdv": 8.187918663024902,
  "summary_csf_k": -0.3860963277395375,
  "summary_csf_mad": 103.00316474375606,
  "summary_csf_mean": 309.9583740234375,
  "summary_csf_median": 325.2249755859375,
  "summary_csf_n": 17267.0,
  "summary_csf_p05": 123.05932006835938,
  "summary_csf_p95": 452.9935119628907,
  "summary_csf_stdv": 102.0385971069336,
  "summary_gm_k": 0.35424487792277626,
  "summary_gm_mad": 63.034121909584485,
  "summary_gm_mean": 677.4803466796875,
  "summary_gm_median": 673.1232299804688,
  "summary_gm_n": 21187.0,
  "summary_gm_p05": 574.1844299316406,
  "summary_gm_p95": 797.6758239746094,
  "summary_gm_stdv": 67.35308074951172,
  "summary_wm_k": 1.6503538053104743,
  "summary_wm_mad": 28.630040619147547,
  "summary_wm_mean": 998.7135009765625,
  "summary_wm_median": 999.997314453125,
  "summary_wm_n": 197817.0,
  "summary_wm_p05": 942.6456298828125,
  "summary_wm_p95": 1050.1395263671875,
  "summary_wm_stdv": 33.15437316894531,
  "tpm_overlap_csf": 0.1663110852241516,
  "tpm_overlap_gm": 0.44415855407714844,
  "tpm_overlap_wm": 0.5204547047615051,
  "wm2max": 0.7404070838935708
}