{
  "aor": 0.003241605504587156,
  "aqi": 0.006369032706422018,
  "bids_meta": {
    "AcquisitionNumber": 7,
    "BidsifyVersion": "0.3.5",
    "ConversionSoftware": "dcm2niix",
    "ConversionSoftwareVersion": "v1.0.20181125  GCC6.3.0",
    "EchoTime": 0.02763,
    "EffectiveEchoSpacing": 0.0006909035636805814,
    "FlipAngle": 76.1,
    "ImageComments": "PIOP2",
    "ImageOrientationPatientDICOM": [
      0.999995,
      0.000767798,
      -0.00318801,
      -0.00139626,
      0.979364,
      -0.202099
    ],
    "Manufacturer": "Philips",
    "NumberOfVolumesDiscardedByScanner": 2,
    "ParallelAcquisitionTechnique": "SENSE",
    "ParallelReductionFactorInPlane": 2,
    "PatientPosition": "HFS",
    "PhaseEncodingDirection": "j",
    "PhilipsRescaleIntercept": 0,
    "PhilipsRescaleSlope": 0.78706,
    "PhilipsScaleSlope": 0.0675166,
    "ProtocolName": "WIPtask-stop_boldSENSE",
    "PulseSequenceType": "gradient echo EPI",
    "ReconMatrixPE": 80,
    "RepetitionTime": 2,
    "SeriesDescription": "ImageMRSERIES",
    "SeriesNumber": 7,
    "SliceEncodingDirection": "k",
    "SliceTiming": [
      0.0,
      0.0556,
      0.1111,
      0.1667,
      0.2222,
      0.2778,
      0.3333,
      0.3889,
      0.4444,
      0.5,
      0.5556,
      0.6111,
      0.6667,
      0.7222,
      0.7778,
      0.8333,
      0.8889,
      0.9444,
      1.0,
      1.0556,
      1.1111,
      1.1667,
      1.2222,
      1.2778,
      1.3333,
      1.3889,
      1.4444,
      1.5,
      1.5556,
      1.6111,
      1.6667,
      1.7222,
      1.7778,
      1.8333,
      1.8889,
      1.9444
    ],
    "TaskName": "stopsignal",
    "TotalReadoutTime": 0.026945238983542674,
    "UsePhilipsFloatNotDisplayScaling": 1,
    "WaterFatShift": 12,
    "acq_id": "seq",
    "dataset": "ds002790",
    "modality": "bold",
    "subject_id": "0121",
    "task_id": "stopsignal"
  },
  "dummy_trs": 0,
  "dvars_nstd": 17.350546494055305,
  "dvars_std": 1.2015965037327185,
  "dvars_vstd": 0.9920198194930869,
  "efc": 0.43233744911569283,
  "fber": 195066.328125,
  "fd_mean": 0.07214102475271644,
  "fd_num": 0,
  "fd_perc": 0.0,
  "fwhm_avg": 1.8976410183820966,
  "fwhm_x": 1.8897433333333333,
  "fwhm_y": 2.0838766666666664,
  "fwhm_z": 1.7193030551462904,
  "gcor": 0.0120087,
  "gsr_x": -0.01529633067548275,
  "gsr_y": 0.011138747446238995,
  "provenance": {
    "md5sum": "932ad1284b972957fe2d234b1a969da0",
    "settings": {
      "fd_thres": 0.2,
      "testing": false
    },
    "software": "mriqc",
    "version": "22.0.0rc1",
    "webapi_port": null,
    "webapi_url": "https://mriqc.nimh.nih.gov/api/v1"
  },
  "size_t": 218,
  "size_x": 80,
  "size_y": 80,
  "size_z": 36,
  "snr": 6.671720773019553,
  "spacing_tr": 2.0,
  "spacing_x": 3.0,
  "spacing_y": 3.0,
  "spacing_z": 3.299999952316284,
  "summary_bg_k": 83.07008061209098,
  "summary_bg_mad": 54.68433814303015,
  "summary_bg_mean": 567.5883178710938,
  "summary_bg_median": 48.43839645385742,
  "summary_bg_n": 155627.0,
  "summary_bg_p05": 5.816871881484985,
  "summary_bg_p95": 2788.754296874999,
  "summary_bg_stdv": 1560.871826171875,
  "summary_fg_k": 2.2319548009957186,
  "summary_fg_mad": 2981.414607361193,
  "summary_fg_mean": 21975.306640625,
  "summary_fg_median": 21739.501953125,
  "summary_fg_n": 34099.0,
  "summary_fg_p05": 17270.4978515625,
  "summary_fg_p95": 27225.050585937497,
  "summary_fg_stdv": 3258.4072265625,
  "tsnr": 84.2721176147461
}