{
  "aor": 0.0037048888888888886,
  "aqi": 0.010302723407407408,
  "bids_meta": {
    "AcquisitionNumber": 8,
    "BidsifyVersion": "0.3.5",
    "ConversionSoftware": "dcm2niix",
    "ConversionSoftwareVersion": "v1.0.20181125  GCC6.3.0",
    "EchoTime": 0.02763,
    "EffectiveEchoSpacing": 0.0006909035636805814,
    "FlipAngle": 76.1,
    "ImageComments": "PIOP2",
    "ImageOrientationPatientDICOM": [
      0.999995,
      0.000767798,
      -0.00318801,
      -0.00139626,
      0.979364,
      -0.202099
    ],
    "Manufacturer": "Philips",
    "NumberOfVolumesDiscardedByScanner": 2,
    "ParallelAcquisitionTechnique": "SENSE",
    "ParallelReductionFactorInPlane": 2,
    "PatientPosition": "HFS",
    "PhaseEncodingDirection": "j",
    "PhilipsRescaleIntercept": 0,
    "PhilipsRescaleSlope": 0.77582,
    "PhilipsScaleSlope": 0.0681132,
    "ProtocolName": "WIPtask-harriri_boldSENSE",
    "PulseSequenceType": "gradient echo EPI",
    "ReconMatrixPE": 80,
    "RepetitionTime": 2,
    "SeriesDescription": "ImageMRSERIES",
    "SeriesNumber": 8,
    "SliceEncodingDirection": "k",
    "SliceTiming": [
      0.0,
      0.0556,
      0.1111,
      0.1667,
      0.2222,
      0.2778,
      0.3333,
      0.3889,
      0.4444,
      0.5,
      0.5556,
      0.6111,
      0.6667,
      0.7222,
      0.7778,
      0.8333,
      0.8889,
      0.9444,
      1.0,
      1.0556,
      1.1111,
      1.1667,
      1.2222,
      1.2778,
      1.3333,
      1.3889,
      1.4444,
      1.5,
      1.5556,
      1.6111,
      1.6667,
      1.7222,
      1.7778,
      1.8333,
      1.8889,
      1.9444
    ],
    "TaskName": "emomatching",
    "TotalReadoutTime": 0.026945238983542674,
    "UsePhilipsFloatNotDisplayScaling": 1,
    "WaterFatShift": 12,
    "acq_id": "seq",
    "dataset": "ds002790",
    "modality": "bold",
    "subject_id": "0121",
    "task_id": "emomatching"
  },
  "dummy_trs": 0,
  "dvars_nstd": 18.677225290895528,
  "dvars_std": 1.2283141468656713,
  "dvars_vstd": 0.9813670136567162,
  "efc": 0.4356353961381576,
  "fber": 177051.953125,
  "fd_mean": 0.09530454650996588,
  "fd_num": 6,
  "fd_perc": 4.444444444444445,
  "fwhm_avg": 1.8963123315252615,
  "fwhm_x": 1.8865766666666666,
  "fwhm_y": 2.0805966666666666,
  "fwhm_z": 1.7217636612424512,
  "gcor": 0.0228639,
  "gsr_x": -0.016937822103500366,
  "gsr_y": 0.008871806785464287,
  "provenance": {
    "md5sum": "66934a41c3b048c8283da778361846c3",
    "settings": {
      "fd_thres": 0.2,
      "testing": false
    },
    "software": "mriqc",
    "version": "22.0.0rc1",
    "webapi_port": null,
    "webapi_url": "https://mriqc.nimh.nih.gov/api/v1"
  },
  "size_t": 135,
  "size_x": 80,
  "size_y": 80,
  "size_z": 36,
  "snr": 6.554413057951505,
  "spacing_tr": 2.0,
  "spacing_x": 3.0,
  "spacing_y": 3.0,
  "spacing_z": 3.299999952316284,
  "summary_bg_k": 80.85890173531092,
  "summary_bg_mad": 61.03276529411601,
  "summary_bg_mean": 610.6258544921875,
  "summary_bg_median": 52.52947235107422,
  "summary_bg_n": 155965.0,
  "summary_bg_p05": 6.03443365097046,
  "summary_bg_p95": 2949.984716796875,
  "summary_bg_stdv": 1639.1319580078125,
  "summary_fg_k": 2.657306327526193,
  "summary_fg_mad": 3124.6087890139493,
  "summary_fg_mean": 22577.599609375,
  "summary_fg_median": 22340.08203125,
  "summary_fg_n": 34344.0,
  "summary_fg_p05": 17730.80498046875,
  "summary_fg_p95": 27966.13056640625,
  "summary_fg_stdv": 3408.353515625,
  "tsnr": 69.28193664550781
}