{
  "aor": 0.0014486666666666667,
  "aqi": 0.004555473583333334,
  "bids_meta": {
    "AcquisitionNumber": 4,
    "BidsifyVersion": "0.3.5",
    "ConversionSoftware": "dcm2niix",
    "ConversionSoftwareVersion": "v1.0.20181125  GCC6.3.0",
    "EchoTime": 0.02763,
    "EffectiveEchoSpacing": 0.0006909035636805814,
    "FlipAngle": 76.1,
    "ImageComments": "PIOP2",
    "ImageOrientationPatientDICOM": [
      0.999995,
      0.000767798,
      -0.00318801,
      -0.00139626,
      0.979364,
      -0.202099
    ],
    "Manufacturer": "Philips",
    "NumberOfVolumesDiscardedByScanner": 2,
    "ParallelAcquisitionTechnique": "SENSE",
    "ParallelReductionFactorInPlane": 2,
    "PatientPosition": "HFS",
    "PhaseEncodingDirection": "j",
    "PhilipsRescaleIntercept": 0,
    "PhilipsRescaleSlope": 0.77265,
    "PhilipsScaleSlope": 0.0671413,
    "ProtocolName": "WIPtask-rest_boldSENSE",
    "PulseSequenceType": "gradient echo EPI",
    "ReconMatrixPE": 80,
    "RepetitionTime": 2,
    "SeriesDescription": "ImageMRSERIES",
    "SeriesNumber": 4,
    "SliceEncodingDirection": "k",
    "SliceTiming": [
      0.0,
      0.0556,
      0.1111,
      0.1667,
      0.2222,
      0.2778,
      0.3333,
      0.3889,
      0.4444,
      0.5,
      0.5556,
      0.6111,
      0.6667,
      0.7222,
      0.7778,
      0.8333,
      0.8889,
      0.9444,
      1.0,
      1.0556,
      1.1111,
      1.1667,
      1.2222,
      1.2778,
      1.3333,
      1.3889,
      1.4444,
      1.5,
      1.5556,
      1.6111,
      1.6667,
      1.7222,
      1.7778,
      1.8333,
      1.8889,
      1.9444
    ],
    "TaskName": "restingstate",
    "TotalReadoutTime": 0.026945238983542674,
    "UsePhilipsFloatNotDisplayScaling": 1,
    "WaterFatShift": 12,
    "acq_id": "seq",
    "dataset": "ds002790",
    "modality": "bold",
    "subject_id": "0121",
    "task_id": "restingstate"
  },
  "dummy_trs": 0,
  "dvars_nstd": 17.178478979163177,
  "dvars_std": 1.20213955456067,
  "dvars_vstd": 1.0024403086610878,
  "efc": 0.43155141547822845,
  "fber": 192006.8125,
  "fd_mean": 0.07389866018578577,
  "fd_num": 1,
  "fd_perc": 0.4166666666666667,
  "fwhm_avg": 1.8836166749515921,
  "fwhm_x": 1.8688966666666669,
  "fwhm_y": 2.061853333333333,
  "fwhm_z": 1.720100024854776,
  "gcor": 0.030263,
  "gsr_x": -0.015007629059255123,
  "gsr_y": 0.010302473790943623,
  "provenance": {
    "md5sum": "74e13b136cdc7444825542cc5fec1726",
    "settings": {
      "fd_thres": 0.2,
      "testing": false
    },
    "software": "mriqc",
    "version": "22.0.0rc1",
    "webapi_port": null,
    "webapi_url": "https://mriqc.nimh.nih.gov/api/v1"
  },
  "size_t": 240,
  "size_x": 80,
  "size_y": 80,
  "size_z": 36,
  "snr": 6.736708928852835,
  "spacing_tr": 2.0,
  "spacing_x": 3.0,
  "spacing_y": 3.0,
  "spacing_z": 3.299999952316284,
  "summary_bg_k": 83.07642793273487,
  "summary_bg_mad": 54.40521060781661,
  "summary_bg_mean": 562.5758666992188,
  "summary_bg_median": 48.610572814941406,
  "summary_bg_n": 155678.0,
  "summary_bg_p05": 4.670045995712281,
  "summary_bg_p95": 2757.300561523437,
  "summary_bg_stdv": 1563.1124267578125,
  "summary_fg_k": 2.526729219474624,
  "summary_fg_mad": 2929.4381063434853,
  "summary_fg_mean": 22064.197265625,
  "summary_fg_median": 21818.52734375,
  "summary_fg_n": 34038.0,
  "summary_fg_p05": 17404.0220703125,
  "summary_fg_p95": 27240.26337890625,
  "summary_fg_stdv": 3238.7041015625,
  "tsnr": 93.9050521850586
}