{
  "aor": 0.00382568281938326,
  "aqi": 0.004096392246696035,
  "bids_meta": {
    "AcquisitionNumber": 7,
    "BidsifyVersion": "0.3.5",
    "ConversionSoftware": "dcm2niix",
    "ConversionSoftwareVersion": "v1.0.20181125  GCC6.3.0",
    "EchoTime": 0.02763,
    "EffectiveEchoSpacing": 0.0006909035636805814,
    "FlipAngle": 76.1,
    "ImageComments": "PIOP2",
    "ImageOrientationPatientDICOM": [
      0.999658,
      0.0183197,
      -0.0186418,
      -0.0216381,
      0.980139,
      -0.197129
    ],
    "Manufacturer": "Philips",
    "NumberOfVolumesDiscardedByScanner": 2,
    "ParallelAcquisitionTechnique": "SENSE",
    "ParallelReductionFactorInPlane": 2,
    "PatientPosition": "HFS",
    "PhaseEncodingDirection": "j",
    "PhilipsRescaleIntercept": 0,
    "PhilipsRescaleSlope": 0.82173,
    "PhilipsScaleSlope": 0.0690669,
    "ProtocolName": "WIPtask-stop_boldSENSE",
    "PulseSequenceType": "gradient echo EPI",
    "ReconMatrixPE": 80,
    "RepetitionTime": 2,
    "SeriesDescription": "ImageMRSERIES",
    "SeriesNumber": 7,
    "SliceEncodingDirection": "k",
    "SliceTiming": [
      0.0,
      0.0556,
      0.1111,
      0.1667,
      0.2222,
      0.2778,
      0.3333,
      0.3889,
      0.4444,
      0.5,
      0.5556,
      0.6111,
      0.6667,
      0.7222,
      0.7778,
      0.8333,
      0.8889,
      0.9444,
      1.0,
      1.0556,
      1.1111,
      1.1667,
      1.2222,
      1.2778,
      1.3333,
      1.3889,
      1.4444,
      1.5,
      1.5556,
      1.6111,
      1.6667,
      1.7222,
      1.7778,
      1.8333,
      1.8889,
      1.9444
    ],
    "TaskName": "stopsignal",
    "TotalReadoutTime": 0.026945238983542674,
    "UsePhilipsFloatNotDisplayScaling": 1,
    "WaterFatShift": 12,
    "acq_id": "seq",
    "dataset": "ds002790",
    "modality": "bold",
    "subject_id": "0055",
    "task_id": "stopsignal"
  },
  "dummy_trs": 0,
  "dvars_nstd": 22.930307611814158,
  "dvars_std": 1.4421989170796452,
  "dvars_vstd": 1.0530254911946908,
  "efc": 0.41891770220863794,
  "fber": 209537.109375,
  "fd_mean": 0.11682923483388154,
  "fd_num": 13,
  "fd_perc": 5.726872246696035,
  "fwhm_avg": 1.9562179887833608,
  "fwhm_x": 1.9093466666666667,
  "fwhm_y": 2.09378,
  "fwhm_z": 1.8655272996834165,
  "gcor": 0.0156133,
  "gsr_x": -0.017960257828235626,
  "gsr_y": 0.002293224213644862,
  "provenance": {
    "md5sum": "bef910fed83d3f25033d3f7909e41e08",
    "settings": {
      "fd_thres": 0.2,
      "testing": false
    },
    "software": "mriqc",
    "version": "22.0.0rc1",
    "webapi_port": null,
    "webapi_url": "https://mriqc.nimh.nih.gov/api/v1"
  },
  "size_t": 227,
  "size_x": 80,
  "size_y": 80,
  "size_z": 36,
  "snr": 5.850462539847881,
  "spacing_tr": 2.0,
  "spacing_x": 3.0,
  "spacing_y": 3.0,
  "spacing_z": 3.299999952316284,
  "summary_bg_k": 39.193135607864804,
  "summary_bg_mad": 51.769957048098284,
  "summary_bg_mean": 458.5616149902344,
  "summary_bg_median": 49.935935974121094,
  "summary_bg_n": 156420.0,
  "summary_bg_p05": 5.265255355834961,
  "summary_bg_p95": 2109.8169311523407,
  "summary_bg_stdv": 1364.13818359375,
  "summary_fg_k": 1.3736725616346428,
  "summary_fg_mad": 3870.1014348122326,
  "summary_fg_mean": 23622.642578125,
  "summary_fg_median": 23318.419921875,
  "summary_fg_n": 34127.0,
  "summary_fg_p05": 17854.1142578125,
  "summary_fg_p95": 30235.797460937498,
  "summary_fg_stdv": 3985.68115234375,
  "tsnr": 88.55574035644531
}