{
  "bids_meta": {
    "AcquisitionNumber": 2,
    "BidsifyVersion": "0.3.5",
    "ConversionSoftware": "dcm2niix",
    "ConversionSoftwareVersion": "v1.0.20181125  GCC6.3.0",
    "EchoTime": 0.00381,
    "ImageComments": "PIOP2",
    "ImageOrientationPatientDICOM": [
      0.998019,
      0.0446892,
      -0.0442928,
      -0.0503828,
      0.989273,
      -0.137114
    ],
    "Manufacturer": "Philips",
    "NumberSignalAcquisitions": 2,
    "PatientPosition": "HFS",
    "PhilipsRescaleIntercept": 0,
    "PhilipsRescaleSlope": 8.61783,
    "PhilipsScaleSlope": 0.00745511,
    "ProtocolName": "WIPT1anat_acq-6m_T1wSENSE",
    "ReconMatrixPE": 240,
    "RepetitionTime": 0.008291,
    "SeriesDescription": "ImageMRSERIES",
    "SeriesNumber": 2,
    "UsePhilipsFloatNotDisplayScaling": 1,
    "dataset": "ds002790",
    "modality": "T1w",
    "subject_id": "0025"
  },
  "cjv": 0.2446729018062824,
  "cnr": 4.776648954833346,
  "efc": 0.7650199888187148,
  "fber": 1676.4473876953125,
  "fwhm_avg": 4.727446292907441,
  "fwhm_x": 4.40428947496778,
  "fwhm_y": 4.77638,
  "fwhm_z": 5.001669403754543,
  "icvs_csf": 0.2691198485865375,
  "icvs_gm": 0.37627661633705817,
  "icvs_wm": 0.35460353507640435,
  "inu_med": 3.017380475997925,
  "inu_range": 0.6918559074401855,
  "provenance": {
    "md5sum": "cd627ce83b07a1c2d775af9be4e49f60",
    "settings": {
      "testing": false
    },
    "software": "mriqc",
    "version": "22.0.0rc1",
    "warnings": {
      "large_rot_frame": true,
      "small_air_mask": true
    },
    "webapi_port": null,
    "webapi_url": "https://mriqc.nimh.nih.gov/api/v1"
  },
  "qi_1": 0.0,
  "qi_2": 9.631507913939929e-05,
  "rpve_csf": 22.490996790331547,
  "rpve_gm": 14.966197642761927,
  "rpve_wm": 21.431945599330703,
  "size_x": 240,
  "size_y": 240,
  "size_z": 220,
  "snr_csf": 2.9397606645727365,
  "snr_gm": 9.667287231376612,
  "snr_total": 13.936518450438825,
  "snr_wm": 29.20250745536713,
  "snrd_csf": 24.603690955710228,
  "snrd_gm": 51.35809793012462,
  "snrd_total": 51.99268652560295,
  "snrd_wm": 80.016270690974,
  "spacing_x": 1.0000001192092896,
  "spacing_y": 1.0,
  "spacing_z": 1.0000001192092896,
  "summary_bg_k": 2.9501778194491335,
  "summary_bg_mad": 8.18751951885065,
  "summary_bg_mean": 8.744571685791016,
  "summary_bg_median": 5.666050910949707,
  "summary_bg_n": 149203.0,
  "summary_bg_p05": 0.0,
  "summary_bg_p95": 22.35033092498779,
  "summary_bg_stdv": 6.439225196838379,
  "summary_csf_k": 17.296478840801456,
  "summary_csf_mad": 109.89317261075121,
  "summary_csf_mean": 291.20794677734375,
  "summary_csf_median": 307.48284912109375,
  "summary_csf_n": 20922.0,
  "summary_csf_p05": 114.43399200439453,
  "summary_csf_p95": 429.4326538085938,
  "summary_csf_stdv": 104.5920181274414,
  "summary_gm_k": 1.04303417276334,
  "summary_gm_mad": 57.310484646236226,
  "summary_gm_mean": 648.53271484375,
  "summary_gm_median": 641.8441162109375,
  "summary_gm_n": 28744.0,
  "summary_gm_p05": 552.2775634765625,
  "summary_gm_p95": 771.8781433105469,
  "summary_gm_stdv": 66.39225006103516,
  "summary_wm_k": 1.3871762043769111,
  "summary_wm_mad": 30.319957393475676,
  "summary_wm_mean": 997.54443359375,
  "summary_wm_median": 999.99755859375,
  "summary_wm_n": 219157.0,
  "summary_wm_p05": 937.0167236328125,
  "summary_wm_p95": 1047.9352294921875,
  "summary_wm_stdv": 34.243473052978516,
  "tpm_overlap_csf": 0.1656179428100586,
  "tpm_overlap_gm": 0.4438300132751465,
  "tpm_overlap_wm": 0.5253711342811584,
  "wm2max": 0.8567027099469522
}