{
  "aor": 0.0028980740740740733,
  "aqi": 0.003282959111111111,
  "bids_meta": {
    "AcquisitionNumber": 8,
    "BidsifyVersion": "0.3.5",
    "ConversionSoftware": "dcm2niix",
    "ConversionSoftwareVersion": "v1.0.20181125  GCC6.3.0",
    "EchoTime": 0.02763,
    "EffectiveEchoSpacing": 0.0006909035636805814,
    "FlipAngle": 76.1,
    "ImageComments": "PIOP2",
    "ImageOrientationPatientDICOM": [
      0.998514,
      0.050284,
      -0.0210222,
      -0.0535532,
      0.976857,
      -0.207083
    ],
    "Manufacturer": "Philips",
    "NumberOfVolumesDiscardedByScanner": 2,
    "ParallelAcquisitionTechnique": "SENSE",
    "ParallelReductionFactorInPlane": 2,
    "PatientPosition": "HFS",
    "PhaseEncodingDirection": "j",
    "PhilipsRescaleIntercept": 0,
    "PhilipsRescaleSlope": 0.78632,
    "PhilipsScaleSlope": 0.0610424,
    "ProtocolName": "WIPtask-harriri_boldSENSE",
    "PulseSequenceType": "gradient echo EPI",
    "ReconMatrixPE": 80,
    "RepetitionTime": 2,
    "SeriesDescription": "ImageMRSERIES",
    "SeriesNumber": 8,
    "SliceEncodingDirection": "k",
    "SliceTiming": [
      0.0,
      0.0556,
      0.1111,
      0.1667,
      0.2222,
      0.2778,
      0.3333,
      0.3889,
      0.4444,
      0.5,
      0.5556,
      0.6111,
      0.6667,
      0.7222,
      0.7778,
      0.8333,
      0.8889,
      0.9444,
      1.0,
      1.0556,
      1.1111,
      1.1667,
      1.2222,
      1.2778,
      1.3333,
      1.3889,
      1.4444,
      1.5,
      1.5556,
      1.6111,
      1.6667,
      1.7222,
      1.7778,
      1.8333,
      1.8889,
      1.9444
    ],
    "TaskName": "emomatching",
    "TotalReadoutTime": 0.026945238983542674,
    "UsePhilipsFloatNotDisplayScaling": 1,
    "WaterFatShift": 12,
    "acq_id": "seq",
    "dataset": "ds002790",
    "modality": "bold",
    "subject_id": "0117",
    "task_id": "emomatching"
  },
  "dummy_trs": 0,
  "dvars_nstd": 17.90404072097014,
  "dvars_std": 1.27715034261194,
  "dvars_vstd": 1.029749512313433,
  "efc": 0.42222672999037736,
  "fber": 236556.84375,
  "fd_mean": 0.10331987210934662,
  "fd_num": 9,
  "fd_perc": 6.666666666666667,
  "fwhm_avg": 2.0525435446279086,
  "fwhm_x": 2.0307566666666665,
  "fwhm_y": 2.201346666666667,
  "fwhm_z": 1.9255273005503928,
  "gcor": 0.0385824,
  "gsr_x": -0.011535263620316982,
  "gsr_y": 0.011334041133522987,
  "provenance": {
    "md5sum": "f3e0624c6fcd16abd820d66e378fbe9c",
    "settings": {
      "fd_thres": 0.2,
      "testing": false
    },
    "software": "mriqc",
    "version": "22.0.0rc1",
    "webapi_port": null,
    "webapi_url": "https://mriqc.nimh.nih.gov/api/v1"
  },
  "size_t": 135,
  "size_x": 80,
  "size_y": 80,
  "size_z": 36,
  "snr": 6.074807562777213,
  "spacing_tr": 2.0,
  "spacing_x": 3.0,
  "spacing_y": 3.0,
  "spacing_z": 3.299999952316284,
  "summary_bg_k": 85.66803447653825,
  "summary_bg_mad": 52.68430142156171,
  "summary_bg_mean": 634.3111572265625,
  "summary_bg_median": 51.41851806640625,
  "summary_bg_n": 157042.0,
  "summary_bg_p05": 6.308159518241882,
  "summary_bg_p95": 3651.405187988252,
  "summary_bg_stdv": 1817.5252685546875,
  "summary_fg_k": 1.1946997075044177,
  "summary_fg_mad": 4044.8863369782443,
  "summary_fg_mean": 25787.841796875,
  "summary_fg_median": 25518.25,
  "summary_fg_n": 32305.0,
  "summary_fg_p05": 19528.219921875,
  "summary_fg_p95": 32783.30546875,
  "summary_fg_stdv": 4200.60302734375,
  "tsnr": 101.119384765625
}