{
  "aor": 0.003068928571428572,
  "aqi": 0.005538264732142857,
  "bids_meta": {
    "AcquisitionNumber": 7,
    "BidsifyVersion": "0.3.5",
    "ConversionSoftware": "dcm2niix",
    "ConversionSoftwareVersion": "v1.0.20181125  GCC6.3.0",
    "EchoTime": 0.02763,
    "EffectiveEchoSpacing": 0.0006909035636805814,
    "FlipAngle": 76.1,
    "ImageComments": "PIOP2",
    "ImageOrientationPatientDICOM": [
      0.996155,
      0.0794517,
      -0.0369134,
      -0.0813738,
      0.995227,
      -0.0538662
    ],
    "Manufacturer": "Philips",
    "NumberOfVolumesDiscardedByScanner": 2,
    "ParallelAcquisitionTechnique": "SENSE",
    "ParallelReductionFactorInPlane": 2,
    "PatientPosition": "HFS",
    "PhaseEncodingDirection": "j",
    "PhilipsRescaleIntercept": 0,
    "PhilipsRescaleSlope": 0.80586,
    "PhilipsScaleSlope": 0.0574766,
    "ProtocolName": "WIPtask-stop_boldSENSE",
    "PulseSequenceType": "gradient echo EPI",
    "ReconMatrixPE": 80,
    "RepetitionTime": 2,
    "SeriesDescription": "ImageMRSERIES",
    "SeriesNumber": 7,
    "SliceEncodingDirection": "k",
    "SliceTiming": [
      0.0,
      0.0556,
      0.1111,
      0.1667,
      0.2222,
      0.2778,
      0.3333,
      0.3889,
      0.4444,
      0.5,
      0.5556,
      0.6111,
      0.6667,
      0.7222,
      0.7778,
      0.8333,
      0.8889,
      0.9444,
      1.0,
      1.0556,
      1.1111,
      1.1667,
      1.2222,
      1.2778,
      1.3333,
      1.3889,
      1.4444,
      1.5,
      1.5556,
      1.6111,
      1.6667,
      1.7222,
      1.7778,
      1.8333,
      1.8889,
      1.9444
    ],
    "TaskName": "stopsignal",
    "TotalReadoutTime": 0.026945238983542674,
    "UsePhilipsFloatNotDisplayScaling": 1,
    "WaterFatShift": 12,
    "acq_id": "seq",
    "dataset": "ds002790",
    "modality": "bold",
    "subject_id": "0129",
    "task_id": "stopsignal"
  },
  "dummy_trs": 0,
  "dvars_nstd": 22.43956535049327,
  "dvars_std": 1.1972130588789236,
  "dvars_vstd": 0.9994959727354257,
  "efc": 0.43706880974870604,
  "fber": 147430.265625,
  "fd_mean": 0.1875262252983748,
  "fd_num": 75,
  "fd_perc": 33.482142857142854,
  "fwhm_avg": 2.0026566756442103,
  "fwhm_x": 1.94837,
  "fwhm_y": 2.1957,
  "fwhm_z": 1.8639000269326302,
  "gcor": 0.0297565,
  "gsr_x": -0.0037345709279179573,
  "gsr_y": 0.013665533624589443,
  "provenance": {
    "md5sum": "75134aab9e64ecab77b12f3123852209",
    "settings": {
      "fd_thres": 0.2,
      "testing": false
    },
    "software": "mriqc",
    "version": "22.0.0rc1",
    "webapi_port": null,
    "webapi_url": "https://mriqc.nimh.nih.gov/api/v1"
  },
  "size_t": 224,
  "size_x": 80,
  "size_y": 80,
  "size_z": 36,
  "snr": 5.4450398805688485,
  "spacing_tr": 2.0,
  "spacing_x": 3.0,
  "spacing_y": 3.0,
  "spacing_z": 3.299999952316284,
  "summary_bg_k": 40.172035617334515,
  "summary_bg_mad": 68.47400105084176,
  "summary_bg_mean": 648.2603149414062,
  "summary_bg_median": 61.00814437866211,
  "summary_bg_n": 153994.0,
  "summary_bg_p05": 6.6878569602966325,
  "summary_bg_p95": 2927.8712524414063,
  "summary_bg_stdv": 1791.701416015625,
  "summary_fg_k": 1.7868253915563619,
  "summary_fg_mad": 4108.4094714848015,
  "summary_fg_mean": 24551.5859375,
  "summary_fg_median": 24067.751953125,
  "summary_fg_n": 35323.0,
  "summary_fg_p05": 18399.0765625,
  "summary_fg_p95": 32002.306835937503,
  "summary_fg_stdv": 4420.0615234375,
  "tsnr": 76.80924987792969
}