{
  "aor": 0.0015566666666666667,
  "aqi": 0.006320766208333333,
  "bids_meta": {
    "AcquisitionNumber": 4,
    "BidsifyVersion": "0.3.5",
    "ConversionSoftware": "dcm2niix",
    "ConversionSoftwareVersion": "v1.0.20181125  GCC6.3.0",
    "EchoTime": 0.02763,
    "EffectiveEchoSpacing": 0.0006909035636805814,
    "FlipAngle": 76.1,
    "ImageComments": "PIOP2",
    "ImageOrientationPatientDICOM": [
      0.996155,
      0.0794517,
      -0.0369134,
      -0.0813738,
      0.995227,
      -0.0538662
    ],
    "Manufacturer": "Philips",
    "NumberOfVolumesDiscardedByScanner": 2,
    "ParallelAcquisitionTechnique": "SENSE",
    "ParallelReductionFactorInPlane": 2,
    "PatientPosition": "HFS",
    "PhaseEncodingDirection": "j",
    "PhilipsRescaleIntercept": 0,
    "PhilipsRescaleSlope": 0.79976,
    "PhilipsScaleSlope": 0.0568917,
    "ProtocolName": "WIPtask-rest_boldSENSE",
    "PulseSequenceType": "gradient echo EPI",
    "ReconMatrixPE": 80,
    "RepetitionTime": 2,
    "SeriesDescription": "ImageMRSERIES",
    "SeriesNumber": 4,
    "SliceEncodingDirection": "k",
    "SliceTiming": [
      0.0,
      0.0556,
      0.1111,
      0.1667,
      0.2222,
      0.2778,
      0.3333,
      0.3889,
      0.4444,
      0.5,
      0.5556,
      0.6111,
      0.6667,
      0.7222,
      0.7778,
      0.8333,
      0.8889,
      0.9444,
      1.0,
      1.0556,
      1.1111,
      1.1667,
      1.2222,
      1.2778,
      1.3333,
      1.3889,
      1.4444,
      1.5,
      1.5556,
      1.6111,
      1.6667,
      1.7222,
      1.7778,
      1.8333,
      1.8889,
      1.9444
    ],
    "TaskName": "restingstate",
    "TotalReadoutTime": 0.026945238983542674,
    "UsePhilipsFloatNotDisplayScaling": 1,
    "WaterFatShift": 12,
    "acq_id": "seq",
    "dataset": "ds002790",
    "modality": "bold",
    "subject_id": "0129",
    "task_id": "restingstate"
  },
  "dummy_trs": 0,
  "dvars_nstd": 21.144145518619244,
  "dvars_std": 1.1651138929288705,
  "dvars_vstd": 0.9761379168200837,
  "efc": 0.4363483544337887,
  "fber": 148857.6875,
  "fd_mean": 0.1674896937911087,
  "fd_num": 61,
  "fd_perc": 25.416666666666668,
  "fwhm_avg": 1.998567180526545,
  "fwhm_x": 1.9618333333333335,
  "fwhm_y": 2.2048833333333335,
  "fwhm_z": 1.8289848749129682,
  "gcor": 0.0224842,
  "gsr_x": -0.00352213135920465,
  "gsr_y": 0.014161302708089352,
  "provenance": {
    "md5sum": "b5091b59ad15a34db62d585548198b69",
    "settings": {
      "fd_thres": 0.2,
      "testing": false
    },
    "software": "mriqc",
    "version": "22.0.0rc1",
    "webapi_port": null,
    "webapi_url": "https://mriqc.nimh.nih.gov/api/v1"
  },
  "size_t": 240,
  "size_x": 80,
  "size_y": 80,
  "size_z": 36,
  "snr": 5.423873331961582,
  "spacing_tr": 2.0,
  "spacing_x": 3.0,
  "spacing_y": 3.0,
  "spacing_z": 3.299999952316284,
  "summary_bg_k": 40.759687533903794,
  "summary_bg_mad": 69.43081462208974,
  "summary_bg_mean": 654.7716674804688,
  "summary_bg_median": 61.51252746582031,
  "summary_bg_n": 154011.0,
  "summary_bg_p05": 6.245905160903931,
  "summary_bg_p95": 2929.913818359375,
  "summary_bg_stdv": 1835.8992919921875,
  "summary_fg_k": 1.7495981847827267,
  "summary_fg_mad": 4180.483630114889,
  "summary_fg_mean": 24895.138671875,
  "summary_fg_median": 24385.96875,
  "summary_fg_n": 35293.0,
  "summary_fg_p05": 18639.955078125,
  "summary_fg_p95": 32482.533984375004,
  "summary_fg_stdv": 4495.9794921875,
  "tsnr": 76.25287628173828
}