{
  "aor": 0.0025974375,
  "aqi": 0.00258435675,
  "bids_meta": {
    "AcquisitionNumber": 3,
    "BidsifyVersion": "0.3.5",
    "ConversionSoftware": "dcm2niix",
    "ConversionSoftwareVersion": "v1.0.20181125  GCC6.3.0",
    "EchoTime": 0.02763,
    "EffectiveEchoSpacing": 0.0006909035636805814,
    "FlipAngle": 76.1,
    "ImageComments": "PIOP2",
    "ImageOrientationPatientDICOM": [
      0.999278,
      0.0378285,
      -0.00339429,
      -0.0378644,
      0.99922,
      -0.0112239
    ],
    "Manufacturer": "Philips",
    "NumberOfVolumesDiscardedByScanner": 2,
    "ParallelAcquisitionTechnique": "SENSE",
    "ParallelReductionFactorInPlane": 2,
    "PatientPosition": "HFS",
    "PhaseEncodingDirection": "j",
    "PhilipsRescaleIntercept": 0,
    "PhilipsRescaleSlope": 0.78144,
    "PhilipsScaleSlope": 0.0506477,
    "ProtocolName": "WIPtask-wm_boldSENSE",
    "PulseSequenceType": "gradient echo EPI",
    "ReconMatrixPE": 80,
    "RepetitionTime": 2,
    "SeriesDescription": "ImageMRSERIES",
    "SeriesNumber": 3,
    "SliceEncodingDirection": "k",
    "SliceTiming": [
      0.0,
      0.0556,
      0.1111,
      0.1667,
      0.2222,
      0.2778,
      0.3333,
      0.3889,
      0.4444,
      0.5,
      0.5556,
      0.6111,
      0.6667,
      0.7222,
      0.7778,
      0.8333,
      0.8889,
      0.9444,
      1.0,
      1.0556,
      1.1111,
      1.1667,
      1.2222,
      1.2778,
      1.3333,
      1.3889,
      1.4444,
      1.5,
      1.5556,
      1.6111,
      1.6667,
      1.7222,
      1.7778,
      1.8333,
      1.8889,
      1.9444
    ],
    "TaskName": "workingmemory",
    "TotalReadoutTime": 0.026945238983542674,
    "UsePhilipsFloatNotDisplayScaling": 1,
    "WaterFatShift": 12,
    "acq_id": "seq",
    "dataset": "ds002790",
    "modality": "bold",
    "subject_id": "0143",
    "task_id": "workingmemory"
  },
  "dummy_trs": 0,
  "dvars_nstd": 16.520062812830183,
  "dvars_std": 1.2447137147169816,
  "dvars_vstd": 1.016267394402516,
  "efc": 0.4098669050792137,
  "fber": 303187.125,
  "fd_mean": 0.07936979391904773,
  "fd_num": 0,
  "fd_perc": 0.0,
  "fwhm_avg": 1.9699569785267623,
  "fwhm_x": 1.9255766666666665,
  "fwhm_y": 2.1510700000000003,
  "fwhm_z": 1.8332242689136198,
  "gcor": 0.0525724,
  "gsr_x": -0.011221176013350487,
  "gsr_y": 0.005499121267348528,
  "provenance": {
    "md5sum": "c9293c76d4dde891a70d616bcc17b211",
    "settings": {
      "fd_thres": 0.2,
      "testing": false
    },
    "software": "mriqc",
    "version": "22.0.0rc1",
    "webapi_port": null,
    "webapi_url": "https://mriqc.nimh.nih.gov/api/v1"
  },
  "size_t": 160,
  "size_x": 80,
  "size_y": 80,
  "size_z": 36,
  "snr": 6.144419769155949,
  "spacing_tr": 2.0,
  "spacing_x": 3.0,
  "spacing_y": 3.0,
  "spacing_z": 3.299999952316284,
  "summary_bg_k": 72.89435909122611,
  "summary_bg_mad": 53.541444261372,
  "summary_bg_mean": 471.4551696777344,
  "summary_bg_median": 49.4492301940918,
  "summary_bg_n": 156941.0,
  "summary_bg_p05": 2.421924114227295,
  "summary_bg_p95": 2318.954345703125,
  "summary_bg_stdv": 1575.52294921875,
  "summary_fg_k": 1.6878680943311473,
  "summary_fg_mad": 4261.9876600820135,
  "summary_fg_mean": 28525.08984375,
  "summary_fg_median": 28115.09375,
  "summary_fg_n": 33074.0,
  "summary_fg_p05": 22059.22548828125,
  "summary_fg_p95": 36215.840234375,
  "summary_fg_stdv": 4575.642578125,
  "tsnr": 114.40325927734375
}