{
  "bids_meta": {
    "AcquisitionNumber": 2,
    "BidsifyVersion": "0.3.5",
    "ConversionSoftware": "dcm2niix",
    "ConversionSoftwareVersion": "v1.0.20181125  GCC6.3.0",
    "EchoTime": 0.00379,
    "ImageComments": "PIOP2",
    "ImageOrientationPatientDICOM": [
      0.997734,
      -0.0511346,
      -0.0437301,
      0.055258,
      0.993556,
      0.0989631
    ],
    "Manufacturer": "Philips",
    "NumberSignalAcquisitions": 2,
    "PatientPosition": "HFS",
    "PhilipsRescaleIntercept": 0,
    "PhilipsRescaleSlope": 7.39756,
    "PhilipsScaleSlope": 0.00776127,
    "ProtocolName": "WIPT1anat_acq-6m_T1wSENSE",
    "ReconMatrixPE": 240,
    "RepetitionTime": 0.008252,
    "SeriesDescription": "ImageMRSERIES",
    "SeriesNumber": 2,
    "UsePhilipsFloatNotDisplayScaling": 1,
    "dataset": "ds002790",
    "modality": "T1w",
    "subject_id": "0090"
  },
  "cjv": 0.270229967301747,
  "cnr": 4.611732831507686,
  "efc": 0.7534451559524017,
  "fber": 1741.7181396484375,
  "fwhm_avg": 4.4147029731635685,
  "fwhm_x": 4.18014,
  "fwhm_y": 4.454629468966786,
  "fwhm_z": 4.609339450523919,
  "icvs_csf": 0.26318038479611006,
  "icvs_gm": 0.39467078122450966,
  "icvs_wm": 0.3421488339793803,
  "inu_med": 1.342597246170044,
  "inu_range": 0.21621992588043226,
  "provenance": {
    "md5sum": "5ff79778c8bdba0a67546bf0274164d4",
    "settings": {
      "testing": false
    },
    "software": "mriqc",
    "version": "22.0.0rc1",
    "warnings": {
      "large_rot_frame": true,
      "small_air_mask": true
    },
    "webapi_port": null,
    "webapi_url": "https://mriqc.nimh.nih.gov/api/v1"
  },
  "qi_1": 0.0,
  "qi_2": 5.087038627207206e-05,
  "rpve_csf": 25.725571401944578,
  "rpve_gm": 16.304670279835722,
  "rpve_wm": 24.405590899058698,
  "size_x": 240,
  "size_y": 240,
  "size_z": 220,
  "snr_csf": 3.129418046691641,
  "snr_gm": 9.905501769957922,
  "snr_total": 12.334236159560623,
  "snr_wm": 23.9677886620323,
  "snrd_csf": 24.529678996433887,
  "snrd_gm": 52.550692761365454,
  "snrd_total": 53.040440277883555,
  "snrd_wm": 82.0409490758513,
  "spacing_x": 1.0,
  "spacing_y": 1.0000001192092896,
  "spacing_z": 1.0000001192092896,
  "summary_bg_k": 437.0947598939202,
  "summary_bg_mad": 7.98548559946798,
  "summary_bg_mean": 9.463327407836914,
  "summary_bg_median": 5.534433364868164,
  "summary_bg_n": 170284.0,
  "summary_bg_p05": 0.0,
  "summary_bg_p95": 22.249517154693603,
  "summary_bg_stdv": 12.375815391540527,
  "summary_csf_k": -0.6397914815955081,
  "summary_csf_mad": 99.51552264907488,
  "summary_csf_mean": 280.6485595703125,
  "summary_csf_median": 298.9933166503906,
  "summary_csf_n": 12992.0,
  "summary_csf_p05": 112.87518424987793,
  "summary_csf_p95": 412.75103759765614,
  "summary_csf_stdv": 95.53910827636719,
  "summary_gm_k": 0.6149866637898351,
  "summary_gm_mad": 61.212902900206814,
  "summary_gm_mean": 645.9483032226562,
  "summary_gm_median": 640.5426635742188,
  "summary_gm_n": 17750.0,
  "summary_gm_p05": 551.9522186279297,
  "summary_gm_p95": 762.5157196044921,
  "summary_gm_stdv": 64.66352081298828,
  "summary_wm_k": 0.9455677627659167,
  "summary_wm_mad": 35.92342279731616,
  "summary_wm_mean": 997.1355590820312,
  "summary_wm_median": 1000.0006713867188,
  "summary_wm_n": 168529.0,
  "summary_wm_p05": 921.4796142578125,
  "summary_wm_p95": 1061.1239990234376,
  "summary_wm_stdv": 41.72256851196289,
  "tpm_overlap_csf": 0.16577628254890442,
  "tpm_overlap_gm": 0.44370558857917786,
  "tpm_overlap_wm": 0.5099486112594604,
  "wm2max": 0.7105409958422247
}