{
  "bids_meta": {
    "AcquisitionNumber": 2,
    "BidsifyVersion": "0.3.5",
    "ConversionSoftware": "dcm2niix",
    "ConversionSoftwareVersion": "v1.0.20181125  GCC6.3.0",
    "EchoTime": 0.00376,
    "ImageComments": "PIOP2",
    "ImageOrientationPatientDICOM": [
      0.995401,
      0.0628885,
      -0.0722566,
      -0.0598351,
      0.997252,
      0.0436741
    ],
    "Manufacturer": "Philips",
    "PatientPosition": "HFS",
    "PhilipsRescaleIntercept": 0,
    "PhilipsRescaleSlope": 9.35726,
    "PhilipsScaleSlope": 0.00715617,
    "ProtocolName": "WIPT1anat_acq-6m_T1wSENSE",
    "ReconMatrixPE": 240,
    "RepetitionTime": 0.008206,
    "SeriesDescription": "ImageMRSERIES",
    "SeriesNumber": 2,
    "UsePhilipsFloatNotDisplayScaling": 1,
    "dataset": "ds002790",
    "modality": "T1w",
    "subject_id": "0224"
  },
  "cjv": 0.24022073285973503,
  "cnr": 5.369869508011101,
  "efc": 0.7406654604270954,
  "fber": -1.0,
  "fwhm_avg": 5.059313433821009,
  "fwhm_x": 4.80252,
  "fwhm_y": 5.057710301463026,
  "fwhm_z": 5.31771,
  "icvs_csf": 0.2698010485299117,
  "icvs_gm": 0.4111025515071311,
  "icvs_wm": 0.3190963999629572,
  "inu_med": 0.5672896504402161,
  "inu_range": 0.1733650267124176,
  "provenance": {
    "md5sum": "2bc3ea4e2d213c860beea8dad5493bff",
    "settings": {
      "testing": false
    },
    "software": "mriqc",
    "version": "23.0.1",
    "warnings": {
      "large_rot_frame": true,
      "small_air_mask": true
    },
    "webapi_port": null,
    "webapi_url": "https://mriqc.nimh.nih.gov/api/v1"
  },
  "qi_1": 0.0,
  "qi_2": 6.583529113156818e-05,
  "rpve_csf": 20.87760015696551,
  "rpve_gm": 13.352227270733458,
  "rpve_wm": 21.29422523022001,
  "size_x": 240,
  "size_y": 240,
  "size_z": 220,
  "snr_csf": 1.5059347882487917,
  "snr_gm": 9.418780928370595,
  "snr_total": 13.787879123831189,
  "snr_wm": 30.438921654874182,
  "snrd_csf": 42.95542476760554,
  "snrd_gm": 201.17269974142013,
  "snrd_total": 191.3187983436192,
  "snrd_wm": 329.82827052183194,
  "spacing_x": 1.0,
  "spacing_y": 0.9999999403953552,
  "spacing_z": 1.0,
  "summary_bg_k": 127.05044986295741,
  "summary_bg_mad": 0.0,
  "summary_bg_mean": 0.32636754884984626,
  "summary_bg_median": 0.0,
  "summary_bg_n": 138544.0,
  "summary_bg_p05": 0.0,
  "summary_bg_p95": 0.0,
  "summary_bg_stdv": 1.9862955207131463,
  "summary_csf_k": 0.9102575819490681,
  "summary_csf_mad": 75.95964793563131,
  "summary_csf_mean": 146.91778575947652,
  "summary_csf_median": 130.23573076725006,
  "summary_csf_n": 48785.0,
  "summary_csf_p05": 33.02740654349327,
  "summary_csf_p95": 317.83395524621,
  "summary_csf_stdv": 86.48076728414225,
  "summary_gm_k": 0.3469018387533285,
  "summary_gm_mad": 63.489132168975296,
  "summary_gm_mean": 608.8738135267957,
  "summary_gm_median": 609.9316606223583,
  "summary_gm_n": 40069.0,
  "summary_gm_p05": 501.55236446261404,
  "summary_gm_p95": 711.5010505199432,
  "summary_gm_stdv": 64.75615625807224,
  "summary_wm_k": 0.7166922833647131,
  "summary_wm_mad": 30.213376173898236,
  "summary_wm_mean": 999.8886954075514,
  "summary_wm_median": 1000.0000249445438,
  "summary_wm_n": 191855.0,
  "summary_wm_p05": 945.5654928058386,
  "summary_wm_p95": 1053.363455504179,
  "summary_wm_stdv": 32.852590185175366,
  "tpm_overlap_csf": 0.15874426280218604,
  "tpm_overlap_gm": 0.4909072375020815,
  "tpm_overlap_wm": 0.5323496088671124,
  "wm2max": 0.8262980941855984
}