{
  "aor": 0.0018487916666666663,
  "aqi": 0.0027552765833333335,
  "bids_meta": {
    "AcquisitionNumber": 4,
    "BidsifyVersion": "0.3.5",
    "ConversionSoftware": "dcm2niix",
    "ConversionSoftwareVersion": "v1.0.20181125  GCC6.3.0",
    "EchoTime": 0.02763,
    "EffectiveEchoSpacing": 0.0006909035636805814,
    "FlipAngle": 76.1,
    "ImageComments": "PIOP2",
    "ImageOrientationPatientDICOM": [
      0.998868,
      0.0405855,
      -0.0248051,
      -0.0392456,
      0.99786,
      0.0523043
    ],
    "Manufacturer": "Philips",
    "NumberOfVolumesDiscardedByScanner": 2,
    "ParallelAcquisitionTechnique": "SENSE",
    "ParallelReductionFactorInPlane": 2,
    "PatientPosition": "HFS",
    "PhaseEncodingDirection": "j",
    "PhilipsRescaleIntercept": 0,
    "PhilipsRescaleSlope": 0.8127,
    "PhilipsScaleSlope": 0.0573064,
    "ProtocolName": "WIPtask-rest_boldSENSE",
    "PulseSequenceType": "gradient echo EPI",
    "ReconMatrixPE": 80,
    "RepetitionTime": 2,
    "SeriesDescription": "ImageMRSERIES",
    "SeriesNumber": 4,
    "SliceEncodingDirection": "k",
    "SliceTiming": [
      0.0,
      0.0556,
      0.1111,
      0.1667,
      0.2222,
      0.2778,
      0.3333,
      0.3889,
      0.4444,
      0.5,
      0.5556,
      0.6111,
      0.6667,
      0.7222,
      0.7778,
      0.8333,
      0.8889,
      0.9444,
      1.0,
      1.0556,
      1.1111,
      1.1667,
      1.2222,
      1.2778,
      1.3333,
      1.3889,
      1.4444,
      1.5,
      1.5556,
      1.6111,
      1.6667,
      1.7222,
      1.7778,
      1.8333,
      1.8889,
      1.9444
    ],
    "TaskName": "restingstate",
    "TotalReadoutTime": 0.026945238983542674,
    "UsePhilipsFloatNotDisplayScaling": 1,
    "WaterFatShift": 12,
    "acq_id": "seq",
    "dataset": "ds002790",
    "modality": "bold",
    "subject_id": "0014",
    "task_id": "restingstate"
  },
  "dummy_trs": 0,
  "dvars_nstd": 16.328367827824266,
  "dvars_std": 1.2133167345606697,
  "dvars_vstd": 1.0149244288702925,
  "efc": 0.41896194286090904,
  "fber": 224984.34375,
  "fd_mean": 0.10191529610382384,
  "fd_num": 8,
  "fd_perc": 3.3333333333333335,
  "fwhm_avg": 1.9603765742870116,
  "fwhm_x": 1.90284,
  "fwhm_y": 2.186453333333333,
  "fwhm_z": 1.791836389527702,
  "gcor": 0.0541708,
  "gsr_x": -0.011251380667090416,
  "gsr_y": 0.007328488864004612,
  "provenance": {
    "md5sum": "b98b9b9361bb019b20f8883cf4badade",
    "settings": {
      "fd_thres": 0.2,
      "testing": false
    },
    "software": "mriqc",
    "version": "22.0.0rc1",
    "webapi_port": null,
    "webapi_url": "https://mriqc.nimh.nih.gov/api/v1"
  },
  "size_t": 240,
  "size_x": 80,
  "size_y": 80,
  "size_z": 36,
  "snr": 5.876900766179186,
  "spacing_tr": 2.0,
  "spacing_x": 3.0,
  "spacing_y": 3.0,
  "spacing_z": 3.299999952316284,
  "summary_bg_k": 59.75054815431408,
  "summary_bg_mad": 54.7460090767198,
  "summary_bg_mean": 612.0741577148438,
  "summary_bg_median": 52.0690803527832,
  "summary_bg_n": 157700.0,
  "summary_bg_p05": 5.956087112426759,
  "summary_bg_p95": 3119.130871582031,
  "summary_bg_stdv": 1818.537353515625,
  "summary_fg_k": 1.3791706478539698,
  "summary_fg_mad": 3991.556092723913,
  "summary_fg_mean": 25426.267578125,
  "summary_fg_median": 25029.00390625,
  "summary_fg_n": 32710.0,
  "summary_fg_p05": 19408.01826171875,
  "summary_fg_p95": 32708.833203125,
  "summary_fg_stdv": 4258.81298828125,
  "tsnr": 105.91535186767578
}