{
  "aor": 0.0022073094170403586,
  "aqi": 0.0034707144394618833,
  "bids_meta": {
    "AcquisitionNumber": 7,
    "BidsifyVersion": "0.3.5",
    "ConversionSoftware": "dcm2niix",
    "ConversionSoftwareVersion": "v1.0.20181125  GCC6.3.0",
    "EchoTime": 0.02763,
    "FlipAngle": 76.1,
    "ImageComments": "PIOP2",
    "ImageOrientationPatientDICOM": [
      0.995605,
      -0.0839216,
      -0.0415629,
      0.0864038,
      0.994327,
      0.0620419
    ],
    "Manufacturer": "Philips",
    "NumberOfVolumesDiscardedByScanner": 2,
    "ParallelAcquisitionTechnique": "SENSE",
    "ParallelReductionFactorInPlane": 2,
    "PatientPosition": "HFS",
    "PhaseEncodingDirection": "j",
    "PhilipsRescaleIntercept": 0,
    "PhilipsRescaleSlope": 0.79878,
    "PhilipsScaleSlope": 0.0487993,
    "ProtocolName": "WIPtask-stop_boldSENSE",
    "PulseSequenceType": "gradient echo EPI",
    "ReconMatrixPE": 80,
    "RepetitionTime": 2,
    "SeriesDescription": "ImageMRSERIES",
    "SeriesNumber": 7,
    "SliceEncodingDirection": "k",
    "TaskName": "stopsignal",
    "UsePhilipsFloatNotDisplayScaling": 1,
    "WaterFatShift": 12,
    "acq_id": "seq",
    "dataset": "ds002790",
    "modality": "bold",
    "subject_id": "0222",
    "task_id": "stopsignal"
  },
  "dummy_trs": 0,
  "dvars_nstd": 15.170405864729718,
  "dvars_std": 1.1621276927927928,
  "dvars_vstd": 0.9965299305405414,
  "efc": 0.4069946816519273,
  "fber": 279975.625,
  "fd_mean": 0.105548061033974,
  "fd_num": 5,
  "fd_perc": 2.242152466367713,
  "fwhm_avg": 1.9841317262251137,
  "fwhm_x": 1.9293166666666668,
  "fwhm_y": 2.14343,
  "fwhm_z": 1.8796485120086743,
  "gcor": 0.0287504,
  "gsr_x": -0.024743011221289635,
  "gsr_y": 0.008388406597077847,
  "provenance": {
    "md5sum": "13ef6dc9bee0b4b4761a5b616ba35e55",
    "settings": {
      "fd_thres": 0.2,
      "testing": false
    },
    "software": "mriqc",
    "version": "23.0.1",
    "webapi_port": null,
    "webapi_url": "https://mriqc.nimh.nih.gov/api/v1"
  },
  "size_t": 223,
  "size_x": 80,
  "size_y": 80,
  "size_z": 36,
  "snr": 5.576105270605106,
  "spacing_tr": 2.0,
  "spacing_x": 3.0,
  "spacing_y": 3.0,
  "spacing_z": 3.299999952316284,
  "summary_bg_k": 73.01042089836449,
  "summary_bg_mad": 55.501595016269654,
  "summary_bg_mean": 551.0111083984375,
  "summary_bg_median": 52.284706115722656,
  "summary_bg_n": 158479.0,
  "summary_bg_p05": 3.8818806648254403,
  "summary_bg_p95": 2824.095678710939,
  "summary_bg_stdv": 1816.8094482421875,
  "summary_fg_k": 1.2697981333960557,
  "summary_fg_mad": 4815.431195849576,
  "summary_fg_mean": 29378.6015625,
  "summary_fg_median": 28676.162109375,
  "summary_fg_n": 32457.0,
  "summary_fg_p05": 22259.045703125,
  "summary_fg_p95": 38556.45937499999,
  "summary_fg_stdv": 5142.607421875,
  "tsnr": 97.96627807617188
}