{
  "aor": 0.010668,
  "aqi": 0.006091256666666668,
  "bids_meta": {
    "AcquisitionNumber": 4,
    "BidsifyVersion": "0.3.5",
    "ConversionSoftware": "dcm2niix",
    "ConversionSoftwareVersion": "v1.0.20181125  GCC6.3.0",
    "EchoTime": 0.02763,
    "FlipAngle": 76.1,
    "ImageComments": "PIOP2",
    "ImageOrientationPatientDICOM": [
      0.99943,
      0.00512027,
      -0.0333818,
      -0.0109897,
      0.983951,
      -0.178102
    ],
    "Manufacturer": "Philips",
    "NumberOfVolumesDiscardedByScanner": 2,
    "ParallelAcquisitionTechnique": "SENSE",
    "ParallelReductionFactorInPlane": 2,
    "PatientPosition": "HFS",
    "PhaseEncodingDirection": "j",
    "PhilipsRescaleIntercept": 0,
    "PhilipsRescaleSlope": 0.90281,
    "PhilipsScaleSlope": 0.062506,
    "ProtocolName": "WIPtask-rest_boldSENSE",
    "PulseSequenceType": "gradient echo EPI",
    "ReconMatrixPE": 80,
    "RepetitionTime": 2,
    "SeriesDescription": "ImageMRSERIES",
    "SeriesNumber": 4,
    "SliceEncodingDirection": "k",
    "TaskName": "restingstate",
    "UsePhilipsFloatNotDisplayScaling": 1,
    "WaterFatShift": 12,
    "acq_id": "seq",
    "dataset": "ds002790",
    "modality": "bold",
    "subject_id": "0204",
    "task_id": "restingstate"
  },
  "dummy_trs": 0,
  "dvars_nstd": 21.76030772313809,
  "dvars_std": 1.3258271268619253,
  "dvars_vstd": 1.0857483369456071,
  "efc": 0.4077651857494418,
  "fber": 232331.328125,
  "fd_mean": 0.14977249985236174,
  "fd_num": 35,
  "fd_perc": 14.583333333333334,
  "fwhm_avg": 2.113115262136375,
  "fwhm_x": 2.0925433333333334,
  "fwhm_y": 2.25136,
  "fwhm_z": 1.995442453075791,
  "gcor": 0.101582,
  "gsr_x": -0.016731634736061096,
  "gsr_y": 0.013653134927153587,
  "provenance": {
    "md5sum": "583af92cbd16df874fb763b2e29b5a5d",
    "settings": {
      "fd_thres": 0.2,
      "testing": false
    },
    "software": "mriqc",
    "version": "23.0.1",
    "webapi_port": null,
    "webapi_url": "https://mriqc.nimh.nih.gov/api/v1"
  },
  "size_t": 240,
  "size_x": 80,
  "size_y": 80,
  "size_z": 36,
  "snr": 5.465659345113113,
  "spacing_tr": 2.0,
  "spacing_x": 3.0,
  "spacing_y": 3.0,
  "spacing_z": 3.299999952316284,
  "summary_bg_k": 76.92328255179002,
  "summary_bg_mad": 49.24034732340963,
  "summary_bg_mean": 492.8582763671875,
  "summary_bg_median": 46.803707122802734,
  "summary_bg_n": 159021.0,
  "summary_bg_p05": 5.813647747039795,
  "summary_bg_p95": 2468.798828125,
  "summary_bg_stdv": 1410.83251953125,
  "summary_fg_k": 1.0741791202828797,
  "summary_fg_mad": 3924.0745261222437,
  "summary_fg_mean": 23569.49609375,
  "summary_fg_median": 23155.02734375,
  "summary_fg_n": 31290.0,
  "summary_fg_p05": 17078.20791015625,
  "summary_fg_p95": 30689.4955078125,
  "summary_fg_stdv": 4236.388671875,
  "tsnr": 71.29055786132812
}