{
  "aor": 0.0027742500000000002,
  "aqi": 0.0021582755,
  "bids_meta": {
    "AcquisitionNumber": 3,
    "BidsifyVersion": "0.3.5",
    "ConversionSoftware": "dcm2niix",
    "ConversionSoftwareVersion": "v1.0.20181125  GCC6.3.0",
    "EchoTime": 0.02763,
    "EffectiveEchoSpacing": 0.0006909035636805814,
    "FlipAngle": 76.1,
    "ImageComments": "PIOP2",
    "ImageOrientationPatientDICOM": [
      0.998006,
      0.0325627,
      -0.054062,
      -0.0331073,
      0.999409,
      -0.00920798
    ],
    "Manufacturer": "Philips",
    "NumberOfVolumesDiscardedByScanner": 2,
    "ParallelAcquisitionTechnique": "SENSE",
    "ParallelReductionFactorInPlane": 2,
    "PatientPosition": "HFS",
    "PhaseEncodingDirection": "j",
    "PhilipsRescaleIntercept": 0,
    "PhilipsRescaleSlope": 0.78877,
    "PhilipsScaleSlope": 0.0478519,
    "ProtocolName": "WIPtask-wm_boldSENSE",
    "PulseSequenceType": "gradient echo EPI",
    "ReconMatrixPE": 80,
    "RepetitionTime": 2,
    "SeriesDescription": "ImageMRSERIES",
    "SeriesNumber": 3,
    "SliceEncodingDirection": "k",
    "SliceTiming": [
      0.0,
      0.0556,
      0.1111,
      0.1667,
      0.2222,
      0.2778,
      0.3333,
      0.3889,
      0.4444,
      0.5,
      0.5556,
      0.6111,
      0.6667,
      0.7222,
      0.7778,
      0.8333,
      0.8889,
      0.9444,
      1.0,
      1.0556,
      1.1111,
      1.1667,
      1.2222,
      1.2778,
      1.3333,
      1.3889,
      1.4444,
      1.5,
      1.5556,
      1.6111,
      1.6667,
      1.7222,
      1.7778,
      1.8333,
      1.8889,
      1.9444
    ],
    "TaskName": "workingmemory",
    "TotalReadoutTime": 0.026945238983542674,
    "UsePhilipsFloatNotDisplayScaling": 1,
    "WaterFatShift": 12,
    "acq_id": "seq",
    "dataset": "ds002790",
    "modality": "bold",
    "subject_id": "0182",
    "task_id": "workingmemory"
  },
  "dummy_trs": 0,
  "dvars_nstd": 16.837708119182388,
  "dvars_std": 1.2735250609433972,
  "dvars_vstd": 1.0181004572327037,
  "efc": 0.4529521925319515,
  "fber": 264773.21875,
  "fd_mean": 0.08671955857131843,
  "fd_num": 0,
  "fd_perc": 0.0,
  "fwhm_avg": 1.996621322248828,
  "fwhm_x": 1.9674066666666665,
  "fwhm_y": 2.129496666666667,
  "fwhm_z": 1.8929606334131506,
  "gcor": 0.0206925,
  "gsr_x": -0.015057003125548363,
  "gsr_y": 0.022990809753537178,
  "provenance": {
    "md5sum": "7358b28c266a1f09688890bd248e0b02",
    "settings": {
      "fd_thres": 0.2,
      "testing": false
    },
    "software": "mriqc",
    "version": "22.0.0rc1",
    "webapi_port": null,
    "webapi_url": "https://mriqc.nimh.nih.gov/api/v1"
  },
  "size_t": 160,
  "size_x": 80,
  "size_y": 80,
  "size_z": 36,
  "snr": 5.244065623036688,
  "spacing_tr": 2.0,
  "spacing_x": 3.0,
  "spacing_y": 3.0,
  "spacing_z": 3.299999952316284,
  "summary_bg_k": 59.781093444997516,
  "summary_bg_mad": 64.56858811503714,
  "summary_bg_mean": 790.652099609375,
  "summary_bg_median": 55.55780792236328,
  "summary_bg_n": 149957.0,
  "summary_bg_p05": 3.2002551555633545,
  "summary_bg_p95": 4416.709667968721,
  "summary_bg_stdv": 2240.30712890625,
  "summary_fg_k": 1.6361731202078724,
  "summary_fg_mad": 5076.742732568647,
  "summary_fg_mean": 29835.646484375,
  "summary_fg_median": 29188.052734375,
  "summary_fg_n": 39489.0,
  "summary_fg_p05": 22148.062890625,
  "summary_fg_p95": 39662.18203125,
  "summary_fg_stdv": 5565.85009765625,
  "tsnr": 116.05335235595703
}