{
  "aor": 0.002895333333333333,
  "aqi": 0.00219306,
  "bids_meta": {
    "AcquisitionNumber": 9,
    "BidsifyVersion": "0.3.5",
    "ConversionSoftware": "dcm2niix",
    "ConversionSoftwareVersion": "v1.0.20181125  GCC6.3.0",
    "EchoTime": 0.02763,
    "EffectiveEchoSpacing": 0.0006909035636805814,
    "FlipAngle": 76.1,
    "ImageComments": "PIOP2",
    "ImageOrientationPatientDICOM": [
      0.998006,
      0.0325627,
      -0.054062,
      -0.0331073,
      0.999409,
      -0.00920798
    ],
    "Manufacturer": "Philips",
    "NumberOfVolumesDiscardedByScanner": 2,
    "ParallelAcquisitionTechnique": "SENSE",
    "ParallelReductionFactorInPlane": 2,
    "PatientPosition": "HFS",
    "PhaseEncodingDirection": "j",
    "PhilipsRescaleIntercept": 0,
    "PhilipsRescaleSlope": 0.76777,
    "PhilipsScaleSlope": 0.0487861,
    "ProtocolName": "WIPtask-harriri_boldSENSE",
    "PulseSequenceType": "gradient echo EPI",
    "ReconMatrixPE": 80,
    "RepetitionTime": 2,
    "SeriesDescription": "ImageMRSERIES",
    "SeriesNumber": 9,
    "SliceEncodingDirection": "k",
    "SliceTiming": [
      0.0,
      0.0556,
      0.1111,
      0.1667,
      0.2222,
      0.2778,
      0.3333,
      0.3889,
      0.4444,
      0.5,
      0.5556,
      0.6111,
      0.6667,
      0.7222,
      0.7778,
      0.8333,
      0.8889,
      0.9444,
      1.0,
      1.0556,
      1.1111,
      1.1667,
      1.2222,
      1.2778,
      1.3333,
      1.3889,
      1.4444,
      1.5,
      1.5556,
      1.6111,
      1.6667,
      1.7222,
      1.7778,
      1.8333,
      1.8889,
      1.9444
    ],
    "TaskName": "emomatching",
    "TotalReadoutTime": 0.026945238983542674,
    "UsePhilipsFloatNotDisplayScaling": 1,
    "WaterFatShift": 12,
    "acq_id": "seq",
    "dataset": "ds002790",
    "modality": "bold",
    "subject_id": "0182",
    "task_id": "emomatching"
  },
  "dummy_trs": 0,
  "dvars_nstd": 18.09839387455224,
  "dvars_std": 1.3380790350746268,
  "dvars_vstd": 1.0234047638805976,
  "efc": 0.4545116137358866,
  "fber": 253742.203125,
  "fd_mean": 0.09014108303166642,
  "fd_num": 2,
  "fd_perc": 1.4814814814814814,
  "fwhm_avg": 2.0183505142566003,
  "fwhm_x": 1.99608,
  "fwhm_y": 2.14762,
  "fwhm_z": 1.9113515427698011,
  "gcor": 0.0179056,
  "gsr_x": -0.01614803820848465,
  "gsr_y": 0.02351919747889042,
  "provenance": {
    "md5sum": "c8e9a4978f02df72d05e5dd35f589243",
    "settings": {
      "fd_thres": 0.2,
      "testing": false
    },
    "software": "mriqc",
    "version": "22.0.0rc1",
    "webapi_port": null,
    "webapi_url": "https://mriqc.nimh.nih.gov/api/v1"
  },
  "size_t": 135,
  "size_x": 80,
  "size_y": 80,
  "size_z": 36,
  "snr": 5.099535618804871,
  "spacing_tr": 2.0,
  "spacing_x": 3.0,
  "spacing_y": 3.0,
  "spacing_z": 3.299999952316284,
  "summary_bg_k": 59.991042081877744,
  "summary_bg_mad": 65.58310374749692,
  "summary_bg_mean": 813.1502685546875,
  "summary_bg_median": 56.33683776855469,
  "summary_bg_n": 149921.0,
  "summary_bg_p05": 3.6203622817993164,
  "summary_bg_p95": 4579.9560546875,
  "summary_bg_stdv": 2269.493896484375,
  "summary_fg_k": 1.7150858021986402,
  "summary_fg_mad": 5185.760326948137,
  "summary_fg_mean": 29543.884765625,
  "summary_fg_median": 28841.833984375,
  "summary_fg_n": 39565.0,
  "summary_fg_p05": 21832.590234375,
  "summary_fg_p95": 39449.885937499996,
  "summary_fg_stdv": 5655.705078125,
  "tsnr": 113.01123809814453
}