{
  "aor": 0.0019210833333333335,
  "aqi": 0.00271246975,
  "bids_meta": {
    "AcquisitionNumber": 4,
    "BidsifyVersion": "0.3.5",
    "ConversionSoftware": "dcm2niix",
    "ConversionSoftwareVersion": "v1.0.20181125  GCC6.3.0",
    "EchoTime": 0.02763,
    "EffectiveEchoSpacing": 0.0006909035636805814,
    "FlipAngle": 76.1,
    "ImageComments": "PIOP2",
    "ImageOrientationPatientDICOM": [
      0.998006,
      0.0325627,
      -0.054062,
      -0.0331073,
      0.999409,
      -0.00920798
    ],
    "Manufacturer": "Philips",
    "NumberOfVolumesDiscardedByScanner": 2,
    "ParallelAcquisitionTechnique": "SENSE",
    "ParallelReductionFactorInPlane": 2,
    "PatientPosition": "HFS",
    "PhaseEncodingDirection": "j",
    "PhilipsRescaleIntercept": 0,
    "PhilipsRescaleSlope": 0.779,
    "PhilipsScaleSlope": 0.0471875,
    "ProtocolName": "WIPtask-rest_boldSENSE",
    "PulseSequenceType": "gradient echo EPI",
    "ReconMatrixPE": 80,
    "RepetitionTime": 2,
    "SeriesDescription": "ImageMRSERIES",
    "SeriesNumber": 4,
    "SliceEncodingDirection": "k",
    "SliceTiming": [
      0.0,
      0.0556,
      0.1111,
      0.1667,
      0.2222,
      0.2778,
      0.3333,
      0.3889,
      0.4444,
      0.5,
      0.5556,
      0.6111,
      0.6667,
      0.7222,
      0.7778,
      0.8333,
      0.8889,
      0.9444,
      1.0,
      1.0556,
      1.1111,
      1.1667,
      1.2222,
      1.2778,
      1.3333,
      1.3889,
      1.4444,
      1.5,
      1.5556,
      1.6111,
      1.6667,
      1.7222,
      1.7778,
      1.8333,
      1.8889,
      1.9444
    ],
    "TaskName": "restingstate",
    "TotalReadoutTime": 0.026945238983542674,
    "UsePhilipsFloatNotDisplayScaling": 1,
    "WaterFatShift": 12,
    "acq_id": "seq",
    "dataset": "ds002790",
    "modality": "bold",
    "subject_id": "0182",
    "task_id": "restingstate"
  },
  "dummy_trs": 0,
  "dvars_nstd": 18.766682141882843,
  "dvars_std": 1.351962944686192,
  "dvars_vstd": 1.000927470627616,
  "efc": 0.45279459035728753,
  "fber": 265015.0,
  "fd_mean": 0.08699722128413237,
  "fd_num": 0,
  "fd_perc": 0.0,
  "fwhm_avg": 2.035409706253295,
  "fwhm_x": 2.00553,
  "fwhm_y": 2.1732566666666666,
  "fwhm_z": 1.9274424520932179,
  "gcor": 0.0196127,
  "gsr_x": -0.015939291566610336,
  "gsr_y": 0.023918256163597107,
  "provenance": {
    "md5sum": "5086cfcc416402408280406f6e30654d",
    "settings": {
      "fd_thres": 0.2,
      "testing": false
    },
    "software": "mriqc",
    "version": "22.0.0rc1",
    "webapi_port": null,
    "webapi_url": "https://mriqc.nimh.nih.gov/api/v1"
  },
  "size_t": 240,
  "size_x": 80,
  "size_y": 80,
  "size_z": 36,
  "snr": 5.0480629071166545,
  "spacing_tr": 2.0,
  "spacing_x": 3.0,
  "spacing_y": 3.0,
  "spacing_z": 3.299999952316284,
  "summary_bg_k": 66.27914314868272,
  "summary_bg_mad": 64.76915403233569,
  "summary_bg_mean": 801.3167114257812,
  "summary_bg_median": 55.40433883666992,
  "summary_bg_n": 150033.0,
  "summary_bg_p05": 3.3381826400756838,
  "summary_bg_p95": 4485.86396484375,
  "summary_bg_stdv": 2276.382080078125,
  "summary_fg_k": 1.7425139612366056,
  "summary_fg_mad": 5288.012100851966,
  "summary_fg_mean": 29876.1484375,
  "summary_fg_median": 29180.30078125,
  "summary_fg_n": 39434.0,
  "summary_fg_p05": 21984.690625,
  "summary_fg_p95": 39939.7712890625,
  "summary_fg_stdv": 5780.42138671875,
  "tsnr": 107.03482818603516
}