{
  "aor": 0.0022487866108786615,
  "aqi": 0.010816738117154813,
  "bids_meta": {
    "AcquisitionNumber": 4,
    "BidsifyVersion": "0.3.5",
    "ConversionSoftware": "dcm2niix",
    "ConversionSoftwareVersion": "v1.0.20181125  GCC6.3.0",
    "EchoTime": 0.02763,
    "EffectiveEchoSpacing": 0.0006909035636805814,
    "FlipAngle": 76.1,
    "ImageComments": "PIOP2",
    "ImageOrientationPatientDICOM": [
      0.999615,
      0.0101986,
      0.0258211,
      -0.00924694,
      0.999283,
      -0.0367097
    ],
    "Manufacturer": "Philips",
    "NumberOfVolumesDiscardedByScanner": 2,
    "ParallelAcquisitionTechnique": "SENSE",
    "ParallelReductionFactorInPlane": 2,
    "PatientPosition": "HFS",
    "PhaseEncodingDirection": "j",
    "PhilipsRescaleIntercept": 0,
    "PhilipsRescaleSlope": 0.77973,
    "PhilipsScaleSlope": 0.0526397,
    "ProtocolName": "WIPtask-rest_boldSENSE",
    "PulseSequenceType": "gradient echo EPI",
    "ReconMatrixPE": 80,
    "RepetitionTime": 2,
    "SeriesDescription": "ImageMRSERIES",
    "SeriesNumber": 4,
    "SliceEncodingDirection": "k",
    "SliceTiming": [
      0.0,
      0.0556,
      0.1111,
      0.1667,
      0.2222,
      0.2778,
      0.3333,
      0.3889,
      0.4444,
      0.5,
      0.5556,
      0.6111,
      0.6667,
      0.7222,
      0.7778,
      0.8333,
      0.8889,
      0.9444,
      1.0,
      1.0556,
      1.1111,
      1.1667,
      1.2222,
      1.2778,
      1.3333,
      1.3889,
      1.4444,
      1.5,
      1.5556,
      1.6111,
      1.6667,
      1.7222,
      1.7778,
      1.8333,
      1.8889,
      1.9444
    ],
    "TaskName": "restingstate",
    "TotalReadoutTime": 0.026945238983542674,
    "UsePhilipsFloatNotDisplayScaling": 1,
    "WaterFatShift": 12,
    "acq_id": "seq",
    "dataset": "ds002790",
    "modality": "bold",
    "subject_id": "0029",
    "task_id": "restingstate"
  },
  "dummy_trs": 1,
  "dvars_nstd": 24.912975936428555,
  "dvars_std": 1.3195396763445388,
  "dvars_vstd": 1.0006242737394961,
  "efc": 0.47770380766727916,
  "fber": 186098.125,
  "fd_mean": 0.15028302888561926,
  "fd_num": 46,
  "fd_perc": 19.246861924686193,
  "fwhm_avg": 1.8864584931777808,
  "fwhm_x": 1.83434,
  "fwhm_y": 2.0957233333333334,
  "fwhm_z": 1.729312146200009,
  "gcor": 0.0420273,
  "gsr_x": -0.02140328846871853,
  "gsr_y": 0.03563457354903221,
  "provenance": {
    "md5sum": "c252b4e6a45cca6d82a790900e0ff633",
    "settings": {
      "fd_thres": 0.2,
      "testing": false
    },
    "software": "mriqc",
    "version": "22.0.0rc1",
    "webapi_port": null,
    "webapi_url": "https://mriqc.nimh.nih.gov/api/v1"
  },
  "size_t": 239,
  "size_x": 80,
  "size_y": 80,
  "size_z": 36,
  "snr": 5.964838750178485,
  "spacing_tr": 2.0,
  "spacing_x": 3.0,
  "spacing_y": 3.0,
  "spacing_z": 3.299999952316284,
  "summary_bg_k": 49.46051874909768,
  "summary_bg_mad": 66.16013567097208,
  "summary_bg_mean": 922.1124877929688,
  "summary_bg_median": 58.37329864501953,
  "summary_bg_n": 146933.0,
  "summary_bg_p05": 6.342861175537109,
  "summary_bg_p95": 5165.04072265625,
  "summary_bg_stdv": 2488.75537109375,
  "summary_fg_k": 2.884454576522489,
  "summary_fg_mad": 3797.820233098897,
  "summary_fg_mean": 26129.5546875,
  "summary_fg_median": 25717.3203125,
  "summary_fg_n": 41706.0,
  "summary_fg_p05": 20070.20654296875,
  "summary_fg_p95": 33058.7890625,
  "summary_fg_stdv": 4311.4345703125,
  "tsnr": 66.55055236816406
}