{
  "aor": 0.012436666666666667,
  "aqi": 0.015082487407407407,
  "bids_meta": {
    "AcquisitionNumber": 8,
    "BidsifyVersion": "0.3.5",
    "ConversionSoftware": "dcm2niix",
    "ConversionSoftwareVersion": "v1.0.20181125  GCC6.3.0",
    "EchoTime": 0.02763,
    "EffectiveEchoSpacing": 0.0006909035636805814,
    "FlipAngle": 76.1,
    "ImageComments": "PIOP2",
    "ImageOrientationPatientDICOM": [
      0.997505,
      0.0590846,
      -0.0386376,
      -0.0622334,
      0.994338,
      -0.086134
    ],
    "Manufacturer": "Philips",
    "NumberOfVolumesDiscardedByScanner": 2,
    "ParallelAcquisitionTechnique": "SENSE",
    "ParallelReductionFactorInPlane": 2,
    "PatientPosition": "HFS",
    "PhaseEncodingDirection": "j",
    "PhilipsRescaleIntercept": 0,
    "PhilipsRescaleSlope": 0.75458,
    "PhilipsScaleSlope": 0.0483792,
    "ProtocolName": "WIPtask-harriri_boldSENSE",
    "PulseSequenceType": "gradient echo EPI",
    "ReconMatrixPE": 80,
    "RepetitionTime": 2,
    "SeriesDescription": "ImageMRSERIES",
    "SeriesNumber": 8,
    "SliceEncodingDirection": "k",
    "SliceTiming": [
      0.0,
      0.0556,
      0.1111,
      0.1667,
      0.2222,
      0.2778,
      0.3333,
      0.3889,
      0.4444,
      0.5,
      0.5556,
      0.6111,
      0.6667,
      0.7222,
      0.7778,
      0.8333,
      0.8889,
      0.9444,
      1.0,
      1.0556,
      1.1111,
      1.1667,
      1.2222,
      1.2778,
      1.3333,
      1.3889,
      1.4444,
      1.5,
      1.5556,
      1.6111,
      1.6667,
      1.7222,
      1.7778,
      1.8333,
      1.8889,
      1.9444
    ],
    "TaskName": "emomatching",
    "TotalReadoutTime": 0.026945238983542674,
    "UsePhilipsFloatNotDisplayScaling": 1,
    "WaterFatShift": 12,
    "acq_id": "seq",
    "dataset": "ds002790",
    "modality": "bold",
    "subject_id": "0057",
    "task_id": "emomatching"
  },
  "dummy_trs": 0,
  "dvars_nstd": 38.509953954328374,
  "dvars_std": 1.2547490847014926,
  "dvars_vstd": 1.031999811567164,
  "efc": 0.4460498269293899,
  "fber": 225960.953125,
  "fd_mean": 0.585362805277296,
  "fd_num": 90,
  "fd_perc": 66.66666666666667,
  "fwhm_avg": 1.9304743515861869,
  "fwhm_x": 1.9621866666666667,
  "fwhm_y": 2.136766666666667,
  "fwhm_z": 1.6924697214252258,
  "gcor": 0.0783249,
  "gsr_x": -0.018235046416521072,
  "gsr_y": 0.01736164465546608,
  "provenance": {
    "md5sum": "36a3c03d06dced8846e1b530ab4929a1",
    "settings": {
      "fd_thres": 0.2,
      "testing": false
    },
    "software": "mriqc",
    "version": "22.0.0rc1",
    "webapi_port": null,
    "webapi_url": "https://mriqc.nimh.nih.gov/api/v1"
  },
  "size_t": 135,
  "size_x": 80,
  "size_y": 80,
  "size_z": 36,
  "snr": 4.9973062109140844,
  "spacing_tr": 2.0,
  "spacing_x": 3.0,
  "spacing_y": 3.0,
  "spacing_z": 3.299999952316284,
  "summary_bg_k": 27.878775400875433,
  "summary_bg_mad": 63.01510186235535,
  "summary_bg_mean": 978.116455078125,
  "summary_bg_median": 55.10645294189453,
  "summary_bg_n": 154954.0,
  "summary_bg_p05": 5.800669693946839,
  "summary_bg_p95": 6002.672753906257,
  "summary_bg_stdv": 2433.742431640625,
  "summary_fg_k": 2.073520968425173,
  "summary_fg_mad": 4582.067579661574,
  "summary_fg_mean": 26950.474609375,
  "summary_fg_median": 26173.30859375,
  "summary_fg_n": 35258.0,
  "summary_fg_p05": 20110.01064453125,
  "summary_fg_p95": 36489.27890625,
  "summary_fg_stdv": 5237.4091796875,
  "tsnr": 42.828590393066406
}