{
  "aor": 0.007043684210526315,
  "aqi": 0.01604257914979757,
  "bids_meta": {
    "AcquisitionNumber": 7,
    "BidsifyVersion": "0.3.5",
    "ConversionSoftware": "dcm2niix",
    "ConversionSoftwareVersion": "v1.0.20181125  GCC6.3.0",
    "EchoTime": 0.02763,
    "EffectiveEchoSpacing": 0.0006909035636805814,
    "FlipAngle": 76.1,
    "ImageComments": "PIOP2",
    "ImageOrientationPatientDICOM": [
      0.997505,
      0.0590846,
      -0.0386376,
      -0.0622334,
      0.994338,
      -0.086134
    ],
    "Manufacturer": "Philips",
    "NumberOfVolumesDiscardedByScanner": 2,
    "ParallelAcquisitionTechnique": "SENSE",
    "ParallelReductionFactorInPlane": 2,
    "PatientPosition": "HFS",
    "PhaseEncodingDirection": "j",
    "PhilipsRescaleIntercept": 0,
    "PhilipsRescaleSlope": 0.75165,
    "PhilipsScaleSlope": 0.0528621,
    "ProtocolName": "WIPtask-stop_boldSENSE",
    "PulseSequenceType": "gradient echo EPI",
    "ReconMatrixPE": 80,
    "RepetitionTime": 2,
    "SeriesDescription": "ImageMRSERIES",
    "SeriesNumber": 7,
    "SliceEncodingDirection": "k",
    "SliceTiming": [
      0.0,
      0.0556,
      0.1111,
      0.1667,
      0.2222,
      0.2778,
      0.3333,
      0.3889,
      0.4444,
      0.5,
      0.5556,
      0.6111,
      0.6667,
      0.7222,
      0.7778,
      0.8333,
      0.8889,
      0.9444,
      1.0,
      1.0556,
      1.1111,
      1.1667,
      1.2222,
      1.2778,
      1.3333,
      1.3889,
      1.4444,
      1.5,
      1.5556,
      1.6111,
      1.6667,
      1.7222,
      1.7778,
      1.8333,
      1.8889,
      1.9444
    ],
    "TaskName": "stopsignal",
    "TotalReadoutTime": 0.026945238983542674,
    "UsePhilipsFloatNotDisplayScaling": 1,
    "WaterFatShift": 12,
    "acq_id": "seq",
    "dataset": "ds002790",
    "modality": "bold",
    "subject_id": "0057",
    "task_id": "stopsignal"
  },
  "dummy_trs": 0,
  "dvars_nstd": 34.76036119833334,
  "dvars_std": 1.2518936302845525,
  "dvars_vstd": 0.9985010880487802,
  "efc": 0.44614971853251595,
  "fber": 221124.875,
  "fd_mean": 0.42904783672935054,
  "fd_num": 122,
  "fd_perc": 49.392712550607285,
  "fwhm_avg": 1.942749301628061,
  "fwhm_x": 1.9203166666666667,
  "fwhm_y": 2.1019099999999997,
  "fwhm_z": 1.806021238217516,
  "gcor": 0.0916026,
  "gsr_x": -0.01772892102599144,
  "gsr_y": 0.01802298240363598,
  "provenance": {
    "md5sum": "e0fd26e4905b541a8b275d435b48e09e",
    "settings": {
      "fd_thres": 0.2,
      "testing": false
    },
    "software": "mriqc",
    "version": "22.0.0rc1",
    "webapi_port": null,
    "webapi_url": "https://mriqc.nimh.nih.gov/api/v1"
  },
  "size_t": 247,
  "size_x": 80,
  "size_y": 80,
  "size_z": 36,
  "snr": 5.100583189095022,
  "spacing_tr": 2.0,
  "spacing_x": 3.0,
  "spacing_y": 3.0,
  "spacing_z": 3.299999952316284,
  "summary_bg_k": 29.20485186136488,
  "summary_bg_mad": 60.265450184049556,
  "summary_bg_mean": 972.0275268554688,
  "summary_bg_median": 54.90961456298828,
  "summary_bg_n": 155092.0,
  "summary_bg_p05": 7.290058279037476,
  "summary_bg_p95": 5977.4150146484235,
  "summary_bg_stdv": 2442.86669921875,
  "summary_fg_k": 2.1401290189174933,
  "summary_fg_mad": 4426.278518420166,
  "summary_fg_mean": 26824.8203125,
  "summary_fg_median": 26031.9921875,
  "summary_fg_n": 35282.0,
  "summary_fg_p05": 20225.16181640625,
  "summary_fg_p95": 36112.959179687496,
  "summary_fg_stdv": 5103.65625,
  "tsnr": 43.095489501953125
}