{
  "bids_meta": {
    "AcquisitionNumber": 2,
    "BidsifyVersion": "0.3.5",
    "ConversionSoftware": "dcm2niix",
    "ConversionSoftwareVersion": "v1.0.20181125  GCC6.3.0",
    "EchoTime": 0.00373,
    "ImageComments": "PIOP2",
    "ImageOrientationPatientDICOM": [
      0.999754,
      0.0121828,
      -0.0185346,
      -0.0116914,
      0.999583,
      0.0263955
    ],
    "Manufacturer": "Philips",
    "NumberSignalAcquisitions": 2,
    "PatientPosition": "HFS",
    "PhilipsRescaleIntercept": 0,
    "PhilipsRescaleSlope": 9.27863,
    "PhilipsScaleSlope": 0.00758852,
    "ProtocolName": "WIPT1anat_acq-6m_T1wSENSE",
    "ReconMatrixPE": 240,
    "RepetitionTime": 0.008138,
    "SeriesDescription": "ImageMRSERIES",
    "SeriesNumber": 2,
    "UsePhilipsFloatNotDisplayScaling": 1,
    "dataset": "ds002790",
    "modality": "T1w",
    "subject_id": "0126"
  },
  "cjv": 0.23777024414414513,
  "cnr": 5.157010597784802,
  "efc": 0.7639297562694449,
  "fber": 1221.2567138671875,
  "fwhm_avg": 4.543313333333334,
  "fwhm_x": 4.35593,
  "fwhm_y": 4.57847,
  "fwhm_z": 4.69554,
  "icvs_csf": 0.25865012412228966,
  "icvs_gm": 0.4032919299344654,
  "icvs_wm": 0.33805794594324495,
  "inu_med": 1.589660882949829,
  "inu_range": 0.3859703660011291,
  "provenance": {
    "md5sum": "b6d5f16c9f3b56e3670adce0e4d9c8ba",
    "settings": {
      "testing": false
    },
    "software": "mriqc",
    "version": "22.0.0rc1",
    "warnings": {
      "large_rot_frame": true,
      "small_air_mask": true
    },
    "webapi_port": null,
    "webapi_url": "https://mriqc.nimh.nih.gov/api/v1"
  },
  "qi_1": 0.0,
  "qi_2": 9.21225740917083e-05,
  "rpve_csf": 23.834803356325594,
  "rpve_gm": 14.967107804443847,
  "rpve_wm": 23.026019703425444,
  "size_x": 240,
  "size_y": 240,
  "size_z": 220,
  "snr_csf": 2.453193615288606,
  "snr_gm": 9.495828205138135,
  "snr_total": 12.486388248871426,
  "snr_wm": 25.51014292618754,
  "snrd_csf": 17.98042622591202,
  "snrd_gm": 46.305142632687776,
  "snrd_total": 46.73376700297181,
  "snrd_wm": 75.91573215031565,
  "spacing_x": 1.0,
  "spacing_y": 1.0,
  "spacing_z": 1.0,
  "summary_bg_k": 110.12839038388124,
  "summary_bg_mad": 8.629764602281009,
  "summary_bg_mean": 10.06556224822998,
  "summary_bg_median": 6.10608434677124,
  "summary_bg_n": 143577.0,
  "summary_bg_p05": 0.0,
  "summary_bg_p95": 24.09031944274902,
  "summary_bg_stdv": 7.616201400756836,
  "summary_csf_k": -0.5057676776940707,
  "summary_csf_mad": 112.8273839288758,
  "summary_csf_mean": 236.8040313720703,
  "summary_csf_median": 236.8466339111328,
  "summary_csf_n": 13982.0,
  "summary_csf_p05": 90.34743003845215,
  "summary_csf_p95": 390.1453414916992,
  "summary_csf_stdv": 96.54279327392578,
  "summary_gm_k": 0.757801251924549,
  "summary_gm_mad": 59.5006348839371,
  "summary_gm_mean": 612.636474609375,
  "summary_gm_median": 609.953125,
  "summary_gm_n": 29736.0,
  "summary_gm_p05": 514.7930145263672,
  "summary_gm_p95": 724.0718383789062,
  "summary_gm_stdv": 64.23271942138672,
  "summary_wm_k": 1.6983333732053456,
  "summary_wm_mad": 33.24036885574565,
  "summary_wm_mean": 996.7129516601562,
  "summary_wm_median": 999.9977416992188,
  "summary_wm_n": 182017.0,
  "summary_wm_p05": 926.58408203125,
  "summary_wm_p95": 1054.2005859375,
  "summary_wm_stdv": 39.19989776611328,
  "tpm_overlap_csf": 0.17661237716674805,
  "tpm_overlap_gm": 0.45744985342025757,
  "tpm_overlap_wm": 0.5135926604270935,
  "wm2max": 0.8175612983021032
}