{
  "aor": 0.0020243125,
  "aqi": 0.004768816,
  "bids_meta": {
    "AcquisitionNumber": 3,
    "BidsifyVersion": "0.3.5",
    "ConversionSoftware": "dcm2niix",
    "ConversionSoftwareVersion": "v1.0.20181125  GCC6.3.0",
    "EchoTime": 0.02763,
    "EffectiveEchoSpacing": 0.0006909035636805814,
    "FlipAngle": 76.1,
    "ImageComments": "PIOP2",
    "ImageOrientationPatientDICOM": [
      0.999735,
      0.0031129,
      0.0228257,
      0.000174487,
      0.989777,
      -0.142625
    ],
    "Manufacturer": "Philips",
    "NumberOfVolumesDiscardedByScanner": 2,
    "ParallelAcquisitionTechnique": "SENSE",
    "ParallelReductionFactorInPlane": 2,
    "PatientPosition": "HFS",
    "PhaseEncodingDirection": "j",
    "PhilipsRescaleIntercept": 0,
    "PhilipsRescaleSlope": 0.84664,
    "PhilipsScaleSlope": 0.0608588,
    "ProtocolName": "WIPtask-wm_boldSENSE",
    "PulseSequenceType": "gradient echo EPI",
    "ReconMatrixPE": 80,
    "RepetitionTime": 2,
    "SeriesDescription": "ImageMRSERIES",
    "SeriesNumber": 3,
    "SliceEncodingDirection": "k",
    "SliceTiming": [
      0.0,
      0.0556,
      0.1111,
      0.1667,
      0.2222,
      0.2778,
      0.3333,
      0.3889,
      0.4444,
      0.5,
      0.5556,
      0.6111,
      0.6667,
      0.7222,
      0.7778,
      0.8333,
      0.8889,
      0.9444,
      1.0,
      1.0556,
      1.1111,
      1.1667,
      1.2222,
      1.2778,
      1.3333,
      1.3889,
      1.4444,
      1.5,
      1.5556,
      1.6111,
      1.6667,
      1.7222,
      1.7778,
      1.8333,
      1.8889,
      1.9444
    ],
    "TaskName": "workingmemory",
    "TotalReadoutTime": 0.026945238983542674,
    "UsePhilipsFloatNotDisplayScaling": 1,
    "WaterFatShift": 12,
    "acq_id": "seq",
    "dataset": "ds002790",
    "modality": "bold",
    "subject_id": "0142",
    "task_id": "workingmemory"
  },
  "dummy_trs": 0,
  "dvars_nstd": 15.696596925723272,
  "dvars_std": 1.1228877913836484,
  "dvars_vstd": 0.9903495817610063,
  "efc": 0.42064016298584017,
  "fber": 243946.40625,
  "fd_mean": 0.12267839325945541,
  "fd_num": 10,
  "fd_perc": 6.25,
  "fwhm_avg": 1.9203398065367263,
  "fwhm_x": 1.8408333333333333,
  "fwhm_y": 2.143613333333333,
  "fwhm_z": 1.776572752943512,
  "gcor": 0.0222721,
  "gsr_x": -0.019367313012480736,
  "gsr_y": 0.01691158302128315,
  "provenance": {
    "md5sum": "8b1b2506e9217caff7240fa068a729aa",
    "settings": {
      "fd_thres": 0.2,
      "testing": false
    },
    "software": "mriqc",
    "version": "22.0.0rc1",
    "webapi_port": null,
    "webapi_url": "https://mriqc.nimh.nih.gov/api/v1"
  },
  "size_t": 160,
  "size_x": 80,
  "size_y": 80,
  "size_z": 36,
  "snr": 6.595415415687533,
  "spacing_tr": 2.0,
  "spacing_x": 3.0,
  "spacing_y": 3.0,
  "spacing_z": 3.299999952316284,
  "summary_bg_k": 108.446734072457,
  "summary_bg_mad": 49.62875529501125,
  "summary_bg_mean": 486.866943359375,
  "summary_bg_median": 49.93037033081055,
  "summary_bg_n": 155911.0,
  "summary_bg_p05": 5.5719733238220215,
  "summary_bg_p95": 2212.84326171875,
  "summary_bg_stdv": 1553.44091796875,
  "summary_fg_k": 1.5949058480171328,
  "summary_fg_mad": 3578.1330432351174,
  "summary_fg_mean": 25354.3203125,
  "summary_fg_median": 25211.92578125,
  "summary_fg_n": 34306.0,
  "summary_fg_p05": 19537.337890625,
  "summary_fg_p95": 31615.365234375,
  "summary_fg_stdv": 3822.58837890625,
  "tsnr": 93.2779541015625
}