{
  "aor": 0.00222637037037037,
  "aqi": 0.003351569555555556,
  "bids_meta": {
    "AcquisitionNumber": 8,
    "BidsifyVersion": "0.3.5",
    "ConversionSoftware": "dcm2niix",
    "ConversionSoftwareVersion": "v1.0.20181125  GCC6.3.0",
    "EchoTime": 0.02763,
    "EffectiveEchoSpacing": 0.0006909035636805814,
    "FlipAngle": 76.1,
    "ImageComments": "PIOP2",
    "ImageOrientationPatientDICOM": [
      0.999735,
      0.0031129,
      0.0228257,
      0.000174487,
      0.989777,
      -0.142625
    ],
    "Manufacturer": "Philips",
    "NumberOfVolumesDiscardedByScanner": 2,
    "ParallelAcquisitionTechnique": "SENSE",
    "ParallelReductionFactorInPlane": 2,
    "PatientPosition": "HFS",
    "PhaseEncodingDirection": "j",
    "PhilipsRescaleIntercept": 0,
    "PhilipsRescaleSlope": 0.83175,
    "PhilipsScaleSlope": 0.0613893,
    "ProtocolName": "WIPtask-harriri_boldSENSE",
    "PulseSequenceType": "gradient echo EPI",
    "ReconMatrixPE": 80,
    "RepetitionTime": 2,
    "SeriesDescription": "ImageMRSERIES",
    "SeriesNumber": 8,
    "SliceEncodingDirection": "k",
    "SliceTiming": [
      0.0,
      0.0556,
      0.1111,
      0.1667,
      0.2222,
      0.2778,
      0.3333,
      0.3889,
      0.4444,
      0.5,
      0.5556,
      0.6111,
      0.6667,
      0.7222,
      0.7778,
      0.8333,
      0.8889,
      0.9444,
      1.0,
      1.0556,
      1.1111,
      1.1667,
      1.2222,
      1.2778,
      1.3333,
      1.3889,
      1.4444,
      1.5,
      1.5556,
      1.6111,
      1.6667,
      1.7222,
      1.7778,
      1.8333,
      1.8889,
      1.9444
    ],
    "TaskName": "emomatching",
    "TotalReadoutTime": 0.026945238983542674,
    "UsePhilipsFloatNotDisplayScaling": 1,
    "WaterFatShift": 12,
    "acq_id": "seq",
    "dataset": "ds002790",
    "modality": "bold",
    "subject_id": "0142",
    "task_id": "emomatching"
  },
  "dummy_trs": 0,
  "dvars_nstd": 17.284505196567164,
  "dvars_std": 1.2420313245522392,
  "dvars_vstd": 1.0145259613432838,
  "efc": 0.4231514584846357,
  "fber": 239485.65625,
  "fd_mean": 0.1044965627682334,
  "fd_num": 3,
  "fd_perc": 2.2222222222222223,
  "fwhm_avg": 1.9138728368892501,
  "fwhm_x": 1.8348333333333333,
  "fwhm_y": 2.119936666666667,
  "fwhm_z": 1.7868485106677505,
  "gcor": 0.0116363,
  "gsr_x": -0.019945217296481133,
  "gsr_y": 0.0171278677880764,
  "provenance": {
    "md5sum": "93c3792fc654048161bba55eeb635920",
    "settings": {
      "fd_thres": 0.2,
      "testing": false
    },
    "software": "mriqc",
    "version": "22.0.0rc1",
    "webapi_port": null,
    "webapi_url": "https://mriqc.nimh.nih.gov/api/v1"
  },
  "size_t": 135,
  "size_x": 80,
  "size_y": 80,
  "size_z": 36,
  "snr": 6.539486251937307,
  "spacing_tr": 2.0,
  "spacing_x": 3.0,
  "spacing_y": 3.0,
  "spacing_z": 3.299999952316284,
  "summary_bg_k": 115.88432247569722,
  "summary_bg_mad": 50.0112940861157,
  "summary_bg_mean": 499.72381591796875,
  "summary_bg_median": 50.00121307373047,
  "summary_bg_n": 155602.0,
  "summary_bg_p05": 5.319746828079224,
  "summary_bg_p95": 2279.193127441403,
  "summary_bg_stdv": 1579.429443359375,
  "summary_fg_k": 1.705139269460827,
  "summary_fg_mad": 3582.227573580756,
  "summary_fg_mean": 25135.19921875,
  "summary_fg_median": 24982.7890625,
  "summary_fg_n": 34563.0,
  "summary_fg_p05": 19355.5794921875,
  "summary_fg_p95": 31345.6482421875,
  "summary_fg_stdv": 3820.2431640625,
  "tsnr": 109.01174926757812
}