{
  "bids_meta": {
    "AcquisitionNumber": 2,
    "BidsifyVersion": "0.3.5",
    "ConversionSoftware": "dcm2niix",
    "ConversionSoftwareVersion": "v1.0.20181125  GCC6.3.0",
    "EchoTime": 0.00375,
    "ImageComments": "PIOP2",
    "ImageOrientationPatientDICOM": [
      0.998039,
      0.0566252,
      -0.0266587,
      -0.0575466,
      0.997723,
      -0.0351674
    ],
    "Manufacturer": "Philips",
    "NumberSignalAcquisitions": 2,
    "PatientPosition": "HFS",
    "PhilipsRescaleIntercept": 0,
    "PhilipsRescaleSlope": 8.57021,
    "PhilipsScaleSlope": 0.0077059,
    "ProtocolName": "WIPT1anat_acq-6m_T1wSENSE",
    "ReconMatrixPE": 240,
    "RepetitionTime": 0.008166,
    "SeriesDescription": "ImageMRSERIES",
    "SeriesNumber": 2,
    "UsePhilipsFloatNotDisplayScaling": 1,
    "dataset": "ds002790",
    "modality": "T1w",
    "subject_id": "0011"
  },
  "cjv": 0.2801707600829636,
  "cnr": 4.617966110568536,
  "efc": 0.7562972935764919,
  "fber": 1658.5115966796875,
  "fwhm_avg": 4.421279651283862,
  "fwhm_x": 4.260649492091001,
  "fwhm_y": 4.48811,
  "fwhm_z": 4.515079461760585,
  "icvs_csf": 0.24733923882314546,
  "icvs_gm": 0.40286977416800934,
  "icvs_wm": 0.3497909870088452,
  "inu_med": 1.6422362327575684,
  "inu_range": 0.30945972204208383,
  "provenance": {
    "md5sum": "18e052ef8f74f7851782171be5d708e0",
    "settings": {
      "testing": false
    },
    "software": "mriqc",
    "version": "22.0.0rc1",
    "warnings": {
      "large_rot_frame": true,
      "small_air_mask": true
    },
    "webapi_port": null,
    "webapi_url": "https://mriqc.nimh.nih.gov/api/v1"
  },
  "qi_1": 0.0,
  "qi_2": 8.440458022167068e-05,
  "rpve_csf": 31.291908578478928,
  "rpve_gm": 18.855422811696652,
  "rpve_wm": 27.62051068675543,
  "size_x": 240,
  "size_y": 240,
  "size_z": 220,
  "snr_csf": 2.859790109245062,
  "snr_gm": 10.107578189149862,
  "snr_total": 11.962150024722746,
  "snr_wm": 22.919081775773318,
  "snrd_csf": 25.675132196641137,
  "snrd_gm": 53.7249393525909,
  "snrd_total": 54.34713960766323,
  "snrd_wm": 83.64134727375767,
  "spacing_x": 1.0000001192092896,
  "spacing_y": 1.0,
  "spacing_z": 1.0000001192092896,
  "summary_bg_k": 19.0508940239785,
  "summary_bg_mad": 7.832638763641313,
  "summary_bg_mean": 9.05400562286377,
  "summary_bg_median": 5.43182373046875,
  "summary_bg_n": 141910.0,
  "summary_bg_p05": 0.0,
  "summary_bg_p95": 21.758440303802487,
  "summary_bg_stdv": 7.551997661590576,
  "summary_csf_k": -0.523598462532251,
  "summary_csf_mad": 104.80633082695014,
  "summary_csf_mean": 287.2381286621094,
  "summary_csf_median": 306.96514892578125,
  "summary_csf_n": 10956.0,
  "summary_csf_p05": 95.33015441894531,
  "summary_csf_p95": 435.21295166015625,
  "summary_csf_stdv": 107.33345031738281,
  "summary_gm_k": 0.33683119966026,
  "summary_gm_mad": 61.54758333875314,
  "summary_gm_mean": 646.1572265625,
  "summary_gm_median": 642.3212890625,
  "summary_gm_n": 15620.0,
  "summary_gm_p05": 550.361572265625,
  "summary_gm_p95": 758.3071960449219,
  "summary_gm_stdv": 63.546451568603516,
  "summary_wm_k": 0.8714427179030664,
  "summary_wm_mad": 38.66185714402126,
  "summary_wm_mean": 995.3908081054688,
  "summary_wm_median": 999.9940185546875,
  "summary_wm_n": 154134.0,
  "summary_wm_p05": 913.4639923095704,
  "summary_wm_p95": 1058.2425048828125,
  "summary_wm_stdv": 43.63136291503906,
  "tpm_overlap_csf": 0.1530745029449463,
  "tpm_overlap_gm": 0.4241410791873932,
  "tpm_overlap_wm": 0.4895838797092438,
  "wm2max": 0.7673286731667959
}