{
  "aor": 0.002287,
  "aqi": 0.0033169881875,
  "bids_meta": {
    "AcquisitionNumber": 3,
    "BidsifyVersion": "0.3.5",
    "ConversionSoftware": "dcm2niix",
    "ConversionSoftwareVersion": "v1.0.20181125  GCC6.3.0",
    "EchoTime": 0.02763,
    "FlipAngle": 76.1,
    "ImageComments": "PIOP2",
    "ImageOrientationPatientDICOM": [
      0.995605,
      -0.0839216,
      -0.0415629,
      0.0864038,
      0.994327,
      0.0620419
    ],
    "Manufacturer": "Philips",
    "NumberOfVolumesDiscardedByScanner": 2,
    "ParallelAcquisitionTechnique": "SENSE",
    "ParallelReductionFactorInPlane": 2,
    "PatientPosition": "HFS",
    "PhaseEncodingDirection": "j",
    "PhilipsRescaleIntercept": 0,
    "PhilipsRescaleSlope": 0.76166,
    "PhilipsScaleSlope": 0.0473902,
    "ProtocolName": "WIPtask-wm_boldSENSE",
    "PulseSequenceType": "gradient echo EPI",
    "ReconMatrixPE": 80,
    "RepetitionTime": 2,
    "SeriesDescription": "ImageMRSERIES",
    "SeriesNumber": 3,
    "SliceEncodingDirection": "k",
    "TaskName": "workingmemory",
    "UsePhilipsFloatNotDisplayScaling": 1,
    "WaterFatShift": 12,
    "acq_id": "seq",
    "dataset": "ds002790",
    "modality": "bold",
    "subject_id": "0222",
    "task_id": "workingmemory"
  },
  "dummy_trs": 0,
  "dvars_nstd": 15.857398711069179,
  "dvars_std": 1.1583374756603777,
  "dvars_vstd": 0.9818761059119496,
  "efc": 0.4065537168636946,
  "fber": 311618.125,
  "fd_mean": 0.10186330732654274,
  "fd_num": 4,
  "fd_perc": 2.5,
  "fwhm_avg": 2.025814049652331,
  "fwhm_x": 1.96648,
  "fwhm_y": 2.1908499999999997,
  "fwhm_z": 1.9201121489569943,
  "gcor": 0.0352366,
  "gsr_x": -0.024845587089657784,
  "gsr_y": 0.007923390716314316,
  "provenance": {
    "md5sum": "3c435a1c9044eba1feb0882cbb23ea0a",
    "settings": {
      "fd_thres": 0.2,
      "testing": false
    },
    "software": "mriqc",
    "version": "23.0.1",
    "webapi_port": null,
    "webapi_url": "https://mriqc.nimh.nih.gov/api/v1"
  },
  "size_t": 160,
  "size_x": 80,
  "size_y": 80,
  "size_z": 36,
  "snr": 5.361661842365408,
  "spacing_tr": 2.0,
  "spacing_x": 3.0,
  "spacing_y": 3.0,
  "spacing_z": 3.299999952316284,
  "summary_bg_k": 84.33859961641225,
  "summary_bg_mad": 52.60038175510562,
  "summary_bg_mean": 534.815673828125,
  "summary_bg_median": 49.83806228637695,
  "summary_bg_n": 158143.0,
  "summary_bg_p05": 3.418255114555359,
  "summary_bg_p95": 2666.918603515623,
  "summary_bg_stdv": 1836.147705078125,
  "summary_fg_k": 1.1572242182548962,
  "summary_fg_mad": 5017.748484526431,
  "summary_fg_mean": 29527.646484375,
  "summary_fg_median": 28800.14453125,
  "summary_fg_n": 32629.0,
  "summary_fg_p05": 22059.396484375,
  "summary_fg_p95": 39016.88124999999,
  "summary_fg_stdv": 5371.41357421875,
  "tsnr": 94.45407104492188
}