{
  "aor": 0.0029707916666666667,
  "aqi": 0.004400077291666666,
  "bids_meta": {
    "AcquisitionNumber": 4,
    "BidsifyVersion": "0.3.5",
    "ConversionSoftware": "dcm2niix",
    "ConversionSoftwareVersion": "v1.0.20181125  GCC6.3.0",
    "EchoTime": 0.02763,
    "FlipAngle": 76.1,
    "ImageComments": "PIOP2",
    "ImageOrientationPatientDICOM": [
      0.995605,
      -0.0839216,
      -0.0415629,
      0.0864038,
      0.994327,
      0.0620419
    ],
    "Manufacturer": "Philips",
    "NumberOfVolumesDiscardedByScanner": 2,
    "ParallelAcquisitionTechnique": "SENSE",
    "ParallelReductionFactorInPlane": 2,
    "PatientPosition": "HFS",
    "PhaseEncodingDirection": "j",
    "PhilipsRescaleIntercept": 0,
    "PhilipsRescaleSlope": 0.77338,
    "PhilipsScaleSlope": 0.0494891,
    "ProtocolName": "WIPtask-rest_boldSENSE",
    "PulseSequenceType": "gradient echo EPI",
    "ReconMatrixPE": 80,
    "RepetitionTime": 2,
    "SeriesDescription": "ImageMRSERIES",
    "SeriesNumber": 4,
    "SliceEncodingDirection": "k",
    "TaskName": "restingstate",
    "UsePhilipsFloatNotDisplayScaling": 1,
    "WaterFatShift": 12,
    "acq_id": "seq",
    "dataset": "ds002790",
    "modality": "bold",
    "subject_id": "0222",
    "task_id": "restingstate"
  },
  "dummy_trs": 0,
  "dvars_nstd": 17.08552651426778,
  "dvars_std": 1.2236967989539755,
  "dvars_vstd": 1.0031673704602513,
  "efc": 0.40528136559055766,
  "fber": 314038.84375,
  "fd_mean": 0.1291902579285591,
  "fd_num": 22,
  "fd_perc": 9.166666666666666,
  "fwhm_avg": 1.9816792008571957,
  "fwhm_x": 1.93403,
  "fwhm_y": 2.1553166666666668,
  "fwhm_z": 1.855690935904921,
  "gcor": 0.0313204,
  "gsr_x": -0.02478141337633133,
  "gsr_y": 0.007991496473550797,
  "provenance": {
    "md5sum": "b9a2d184550ff7d84c7b4c112bfb1113",
    "settings": {
      "fd_thres": 0.2,
      "testing": false
    },
    "software": "mriqc",
    "version": "23.0.1",
    "webapi_port": null,
    "webapi_url": "https://mriqc.nimh.nih.gov/api/v1"
  },
  "size_t": 240,
  "size_x": 80,
  "size_y": 80,
  "size_z": 36,
  "snr": 5.532925001560205,
  "spacing_tr": 2.0,
  "spacing_x": 3.0,
  "spacing_y": 3.0,
  "spacing_z": 3.299999952316284,
  "summary_bg_k": 84.31518987977722,
  "summary_bg_mad": 52.646897590949195,
  "summary_bg_mean": 540.3527221679688,
  "summary_bg_median": 49.70225524902344,
  "summary_bg_n": 158602.0,
  "summary_bg_p05": 3.233026492595673,
  "summary_bg_p95": 2734.4520507812317,
  "summary_bg_stdv": 1841.3975830078125,
  "summary_fg_k": 1.3143316187785974,
  "summary_fg_mad": 4867.16590529454,
  "summary_fg_mean": 29494.037109375,
  "summary_fg_median": 28777.541015625,
  "summary_fg_n": 32395.0,
  "summary_fg_p05": 22292.4298828125,
  "summary_fg_p95": 38735.733984375,
  "summary_fg_stdv": 5201.06396484375,
  "tsnr": 86.2650375366211
}