{
  "aor": 0.0020043703703703703,
  "aqi": 0.004348615555555555,
  "bids_meta": {
    "AcquisitionNumber": 8,
    "BidsifyVersion": "0.3.5",
    "ConversionSoftware": "dcm2niix",
    "ConversionSoftwareVersion": "v1.0.20181125  GCC6.3.0",
    "EchoTime": 0.02763,
    "FlipAngle": 76.1,
    "ImageComments": "PIOP2",
    "ImageOrientationPatientDICOM": [
      0.995605,
      -0.0839216,
      -0.0415629,
      0.0864038,
      0.994327,
      0.0620419
    ],
    "Manufacturer": "Philips",
    "NumberOfVolumesDiscardedByScanner": 2,
    "ParallelAcquisitionTechnique": "SENSE",
    "ParallelReductionFactorInPlane": 2,
    "PatientPosition": "HFS",
    "PhaseEncodingDirection": "j",
    "PhilipsRescaleIntercept": 0,
    "PhilipsRescaleSlope": 0.78315,
    "PhilipsScaleSlope": 0.0483921,
    "ProtocolName": "WIPtask-harriri_boldSENSE",
    "PulseSequenceType": "gradient echo EPI",
    "ReconMatrixPE": 80,
    "RepetitionTime": 2,
    "SeriesDescription": "ImageMRSERIES",
    "SeriesNumber": 8,
    "SliceEncodingDirection": "k",
    "TaskName": "emomatching",
    "UsePhilipsFloatNotDisplayScaling": 1,
    "WaterFatShift": 12,
    "acq_id": "seq",
    "dataset": "ds002790",
    "modality": "bold",
    "subject_id": "0222",
    "task_id": "emomatching"
  },
  "dummy_trs": 0,
  "dvars_nstd": 14.700285292686573,
  "dvars_std": 1.0942335537313432,
  "dvars_vstd": 0.9749051384328355,
  "efc": 0.4072034036119437,
  "fber": 284821.21875,
  "fd_mean": 0.12077831626477215,
  "fd_num": 10,
  "fd_perc": 7.407407407407407,
  "fwhm_avg": 1.9889333424240652,
  "fwhm_x": 1.9246999999999999,
  "fwhm_y": 2.1547,
  "fwhm_z": 1.8874000272721958,
  "gcor": 0.0230192,
  "gsr_x": -0.025125768035650253,
  "gsr_y": 0.00851992517709732,
  "provenance": {
    "md5sum": "139fe37cc6d8aa6fc34e55f3fe4f4826",
    "settings": {
      "fd_thres": 0.2,
      "testing": false
    },
    "software": "mriqc",
    "version": "23.0.1",
    "webapi_port": null,
    "webapi_url": "https://mriqc.nimh.nih.gov/api/v1"
  },
  "size_t": 135,
  "size_x": 80,
  "size_y": 80,
  "size_z": 36,
  "snr": 5.556537583026125,
  "spacing_tr": 2.0,
  "spacing_x": 3.0,
  "spacing_y": 3.0,
  "spacing_z": 3.299999952316284,
  "summary_bg_k": 70.90934657596206,
  "summary_bg_mad": 55.268029628090886,
  "summary_bg_mean": 560.2547607421875,
  "summary_bg_median": 51.9672737121582,
  "summary_bg_n": 158564.0,
  "summary_bg_p05": 4.253173923492432,
  "summary_bg_p95": 2874.096130371097,
  "summary_bg_stdv": 1843.874755859375,
  "summary_fg_k": 1.2611238770007844,
  "summary_fg_mad": 4856.805064009749,
  "summary_fg_mean": 29531.197265625,
  "summary_fg_median": 28820.9375,
  "summary_fg_n": 32449.0,
  "summary_fg_p05": 22404.52578125,
  "summary_fg_p95": 38759.57265625,
  "summary_fg_stdv": 5186.77197265625,
  "tsnr": 89.74683380126953
}