{
  "aor": 0.0050910045662100455,
  "aqi": 0.0039356816894977175,
  "bids_meta": {
    "AcquisitionNumber": 7,
    "BidsifyVersion": "0.3.5",
    "ConversionSoftware": "dcm2niix",
    "ConversionSoftwareVersion": "v1.0.20181125  GCC6.3.0",
    "EchoTime": 0.02763,
    "FlipAngle": 76.1,
    "ImageComments": "PIOP2",
    "ImageOrientationPatientDICOM": [
      0.999917,
      -0.00187775,
      -0.0127778,
      0,
      0.989374,
      -0.145392
    ],
    "Manufacturer": "Philips",
    "NumberOfVolumesDiscardedByScanner": 2,
    "ParallelAcquisitionTechnique": "SENSE",
    "ParallelReductionFactorInPlane": 2,
    "PatientPosition": "HFS",
    "PhaseEncodingDirection": "j",
    "PhilipsRescaleIntercept": 0,
    "PhilipsRescaleSlope": 0.83248,
    "PhilipsScaleSlope": 0.0484065,
    "ProtocolName": "WIPtask-stop_boldSENSE",
    "PulseSequenceType": "gradient echo EPI",
    "ReconMatrixPE": 80,
    "RepetitionTime": 2,
    "SeriesDescription": "ImageMRSERIES",
    "SeriesNumber": 7,
    "SliceEncodingDirection": "k",
    "TaskName": "stopsignal",
    "UsePhilipsFloatNotDisplayScaling": 1,
    "WaterFatShift": 12,
    "acq_id": "seq",
    "dataset": "ds002790",
    "modality": "bold",
    "subject_id": "0211",
    "task_id": "stopsignal"
  },
  "dummy_trs": 0,
  "dvars_nstd": 21.50983152481653,
  "dvars_std": 1.3839841644495416,
  "dvars_vstd": 1.0302124395871557,
  "efc": 0.4101415349010864,
  "fber": 223839.484375,
  "fd_mean": 0.11784606781057268,
  "fd_num": 18,
  "fd_perc": 8.219178082191782,
  "fwhm_avg": 2.0179623322236595,
  "fwhm_x": 1.9556033333333334,
  "fwhm_y": 2.23152,
  "fwhm_z": 1.8667636633376448,
  "gcor": 0.0318878,
  "gsr_x": -0.018476642668247223,
  "gsr_y": 0.012617319822311401,
  "provenance": {
    "md5sum": "70525dc6b4fc96080991478ebba422ff",
    "settings": {
      "fd_thres": 0.2,
      "testing": false
    },
    "software": "mriqc",
    "version": "23.0.1",
    "webapi_port": null,
    "webapi_url": "https://mriqc.nimh.nih.gov/api/v1"
  },
  "size_t": 219,
  "size_x": 80,
  "size_y": 80,
  "size_z": 36,
  "snr": 5.100132543863974,
  "spacing_tr": 2.0,
  "spacing_x": 3.0,
  "spacing_y": 3.0,
  "spacing_z": 3.299999952316284,
  "summary_bg_k": 84.07202230791977,
  "summary_bg_mad": 59.14451376770845,
  "summary_bg_mean": 612.25634765625,
  "summary_bg_median": 57.91261672973633,
  "summary_bg_n": 158631.0,
  "summary_bg_p05": 5.632115125656128,
  "summary_bg_p95": 3301.4208984375,
  "summary_bg_stdv": 1910.4139404296875,
  "summary_fg_k": 1.5685793457048272,
  "summary_fg_mad": 4942.08654435586,
  "summary_fg_mean": 28411.7421875,
  "summary_fg_median": 27918.28515625,
  "summary_fg_n": 32198.0,
  "summary_fg_p05": 20497.7755859375,
  "summary_fg_p95": 37781.21171875,
  "summary_fg_stdv": 5473.9462890625,
  "tsnr": 86.39028930664062
}