{
  "bids_meta": {
    "AcquisitionNumber": 2,
    "BidsifyVersion": "0.3.5",
    "ConversionSoftware": "dcm2niix",
    "ConversionSoftwareVersion": "v1.0.20181125  GCC6.3.0",
    "EchoTime": 0.00376,
    "ImageComments": "PIOP2",
    "ImageOrientationPatientDICOM": [
      0.997628,
      0.0673656,
      -0.0141564,
      -0.0678365,
      0.997049,
      -0.0359405
    ],
    "Manufacturer": "Philips",
    "NumberSignalAcquisitions": 2,
    "PatientPosition": "HFS",
    "PhilipsRescaleIntercept": 0,
    "PhilipsRescaleSlope": 9.05568,
    "PhilipsScaleSlope": 0.0068619,
    "ProtocolName": "WIPT1anat_acq-6m_T1wSENSE",
    "ReconMatrixPE": 240,
    "RepetitionTime": 0.008168,
    "SeriesDescription": "ImageMRSERIES",
    "SeriesNumber": 2,
    "UsePhilipsFloatNotDisplayScaling": 1,
    "dataset": "ds002790",
    "modality": "T1w",
    "subject_id": "0161"
  },
  "cjv": 0.2922158493642736,
  "cnr": 4.043004413471107,
  "efc": 0.7792087576452627,
  "fber": 1750.2445068359375,
  "fwhm_avg": 4.7309133333333335,
  "fwhm_x": 4.4675,
  "fwhm_y": 4.79159,
  "fwhm_z": 4.93365,
  "icvs_csf": 0.2523874786217835,
  "icvs_gm": 0.3988823243093623,
  "icvs_wm": 0.34873019706885416,
  "inu_med": 1.7062225341796875,
  "inu_range": 0.4733444452285769,
  "provenance": {
    "md5sum": "e09353b22cbe4bf1c69288f36a012850",
    "settings": {
      "testing": false
    },
    "software": "mriqc",
    "version": "22.0.0rc1",
    "warnings": {
      "large_rot_frame": true,
      "small_air_mask": true
    },
    "webapi_port": null,
    "webapi_url": "https://mriqc.nimh.nih.gov/api/v1"
  },
  "qi_1": 0.00048734869140290566,
  "qi_2": 5.967400009986069e-05,
  "rpve_csf": 22.376534092530754,
  "rpve_gm": 13.958354045472662,
  "rpve_wm": 20.40005571445693,
  "size_x": 240,
  "size_y": 240,
  "size_z": 220,
  "snr_csf": 3.105503908796962,
  "snr_gm": 9.030110801667853,
  "snr_total": 12.480755771881439,
  "snr_wm": 25.306652605179504,
  "snrd_csf": 25.688589461622186,
  "snrd_gm": 49.4450098607979,
  "snrd_total": 49.94086154596749,
  "snrd_wm": 74.68898531548238,
  "spacing_x": 1.0,
  "spacing_y": 1.0,
  "spacing_z": 1.0,
  "summary_bg_k": 8.460429241474923,
  "summary_bg_mad": 8.771538326312035,
  "summary_bg_mean": 9.383722305297852,
  "summary_bg_median": 6.084669589996338,
  "summary_bg_n": 202433.0,
  "summary_bg_p05": 0.0,
  "summary_bg_p95": 24.10329818725586,
  "summary_bg_stdv": 7.265510559082031,
  "summary_csf_k": -0.6905568272871516,
  "summary_csf_mad": 120.62191579035505,
  "summary_csf_mean": 327.4692077636719,
  "summary_csf_median": 343.9412841796875,
  "summary_csf_n": 17622.0,
  "summary_csf_p05": 135.27960205078125,
  "summary_csf_p95": 482.32947082519536,
  "summary_csf_stdv": 110.7490234375,
  "summary_gm_k": 0.733908424896728,
  "summary_gm_mad": 65.34810888654468,
  "summary_gm_mean": 670.5311889648438,
  "summary_gm_median": 662.0130004882812,
  "summary_gm_n": 31112.0,
  "summary_gm_p05": 566.0829406738281,
  "summary_gm_p95": 809.5871490478513,
  "summary_gm_stdv": 73.310546875,
  "summary_wm_k": 1.531558528687846,
  "summary_wm_mad": 33.41745946497511,
  "summary_wm_mean": 998.2605590820312,
  "summary_wm_median": 1000.0014038085938,
  "summary_wm_n": 218919.0,
  "summary_wm_p05": 929.3552856445312,
  "summary_wm_p95": 1059.1689575195312,
  "summary_wm_stdv": 39.51526641845703,
  "tpm_overlap_csf": 0.16903728246688843,
  "tpm_overlap_gm": 0.4538257420063019,
  "tpm_overlap_wm": 0.5110835433006287,
  "wm2max": 0.7281174939308553
}