{
  "bids_meta": {
    "AcquisitionNumber": 2,
    "BidsifyVersion": "0.3.5",
    "ConversionSoftware": "dcm2niix",
    "ConversionSoftwareVersion": "v1.0.20181125  GCC6.3.0",
    "EchoTime": 0.00382,
    "ImageComments": "PIOP2",
    "ImageOrientationPatientDICOM": [
      0.995869,
      0.0557174,
      -0.0717027,
      -0.0649236,
      0.988956,
      -0.133235
    ],
    "Manufacturer": "Philips",
    "NumberSignalAcquisitions": 2,
    "PatientPosition": "HFS",
    "PhilipsRescaleIntercept": 0,
    "PhilipsRescaleSlope": 8.51306,
    "PhilipsScaleSlope": 0.00722902,
    "ProtocolName": "WIPT1anat_acq-6m_T1wSENSE",
    "ReconMatrixPE": 240,
    "RepetitionTime": 0.008313,
    "SeriesDescription": "ImageMRSERIES",
    "SeriesNumber": 2,
    "UsePhilipsFloatNotDisplayScaling": 1,
    "dataset": "ds002790",
    "modality": "T1w",
    "subject_id": "0156"
  },
  "cjv": 0.3080211141727448,
  "cnr": 3.939056424122191,
  "efc": 0.7933311724984674,
  "fber": 1034.593505859375,
  "fwhm_avg": 4.764173333333333,
  "fwhm_x": 4.43275,
  "fwhm_y": 4.75391,
  "fwhm_z": 5.10586,
  "icvs_csf": 0.27271998834019984,
  "icvs_gm": 0.38851121368321123,
  "icvs_wm": 0.33876879797658893,
  "inu_med": 0.44083645939826965,
  "inu_range": 0.20963548421859735,
  "provenance": {
    "md5sum": "2a97f40eba1718f749d649393743dc83",
    "settings": {
      "testing": false
    },
    "software": "mriqc",
    "version": "22.0.0rc1",
    "warnings": {
      "large_rot_frame": true,
      "small_air_mask": true
    },
    "webapi_port": null,
    "webapi_url": "https://mriqc.nimh.nih.gov/api/v1"
  },
  "qi_1": 0.00010300129940100782,
  "qi_2": 0.00031225754636681965,
  "rpve_csf": 23.80258505129717,
  "rpve_gm": 15.644788341586112,
  "rpve_wm": 23.36354956878972,
  "size_x": 240,
  "size_y": 240,
  "size_z": 220,
  "snr_csf": 3.6682035526952896,
  "snr_gm": 8.97613896088635,
  "snr_total": 11.473085770378932,
  "snr_wm": 21.774914797555155,
  "snrd_csf": 21.622701493367295,
  "snrd_gm": 34.48723242930489,
  "snrd_total": 36.18577634963777,
  "snrd_wm": 52.44739512624114,
  "spacing_x": 1.0,
  "spacing_y": 1.0,
  "spacing_z": 1.0,
  "summary_bg_k": 3.082444784529115,
  "summary_bg_mad": 12.491478230199265,
  "summary_bg_mean": 12.701245307922363,
  "summary_bg_median": 9.02810001373291,
  "summary_bg_n": 108047.0,
  "summary_bg_p05": 0.0,
  "summary_bg_p95": 26.970705795288087,
  "summary_bg_stdv": 9.08094596862793,
  "summary_csf_k": 0.2700243497764512,
  "summary_csf_mad": 100.05644306450424,
  "summary_csf_mean": 393.37872314453125,
  "summary_csf_median": 412.2798156738281,
  "summary_csf_n": 17820.0,
  "summary_csf_p05": 151.7677429199219,
  "summary_csf_p95": 544.0337554931641,
  "summary_csf_stdv": 112.38968658447266,
  "summary_gm_k": 0.6483296341082876,
  "summary_gm_mad": 64.20615950321758,
  "summary_gm_mean": 663.863525390625,
  "summary_gm_median": 657.5676879882812,
  "summary_gm_n": 17485.0,
  "summary_gm_p05": 553.0861328125,
  "summary_gm_p95": 796.0473266601562,
  "summary_gm_stdv": 73.25520324707031,
  "summary_wm_k": 1.2201814561813134,
  "summary_wm_mad": 41.274509198018684,
  "summary_wm_mean": 998.256591796875,
  "summary_wm_median": 1000.013916015625,
  "summary_wm_n": 184171.0,
  "summary_wm_p05": 918.4805908203125,
  "summary_wm_p95": 1069.0394287109375,
  "summary_wm_stdv": 45.92491912841797,
  "tpm_overlap_csf": 0.15837863087654114,
  "tpm_overlap_gm": 0.44123807549476624,
  "tpm_overlap_wm": 0.5102878212928772,
  "wm2max": 0.5931965659546024
}