{
  "bids_meta": {
    "AcquisitionNumber": 2,
    "BidsifyVersion": "0.3.5",
    "ConversionSoftware": "dcm2niix",
    "ConversionSoftwareVersion": "v1.0.20181125  GCC6.3.0",
    "EchoTime": 0.00374,
    "ImageComments": "PIOP2",
    "ImageOrientationPatientDICOM": [
      0.996664,
      0.0797615,
      -0.0172927,
      -0.0798395,
      0.9968,
      -0.00386747
    ],
    "Manufacturer": "Philips",
    "NumberSignalAcquisitions": 2,
    "PatientPosition": "HFS",
    "PhilipsRescaleIntercept": 0,
    "PhilipsRescaleSlope": 9.24567,
    "PhilipsScaleSlope": 0.00758039,
    "ProtocolName": "WIPT1anat_acq-6m_T1wSENSE",
    "ReconMatrixPE": 240,
    "RepetitionTime": 0.008139,
    "SeriesDescription": "ImageMRSERIES",
    "SeriesNumber": 2,
    "UsePhilipsFloatNotDisplayScaling": 1,
    "dataset": "ds002790",
    "modality": "T1w",
    "subject_id": "0119"
  },
  "cjv": 0.24830285321639178,
  "cnr": 4.8993669334556245,
  "efc": 0.7538507538469754,
  "fber": 1296.3780517578125,
  "fwhm_avg": 4.357016837738365,
  "fwhm_x": 4.134460246433034,
  "fwhm_y": 4.46073,
  "fwhm_z": 4.475860266782061,
  "icvs_csf": 0.2338388487108037,
  "icvs_gm": 0.43351178738213275,
  "icvs_wm": 0.3326493639070635,
  "inu_med": 1.9055845737457275,
  "inu_range": 0.4545123457908631,
  "provenance": {
    "md5sum": "d7e2e69a0827cffea6062e51dd22c6ce",
    "settings": {
      "testing": false
    },
    "software": "mriqc",
    "version": "22.0.0rc1",
    "warnings": {
      "large_rot_frame": true,
      "small_air_mask": true
    },
    "webapi_port": null,
    "webapi_url": "https://mriqc.nimh.nih.gov/api/v1"
  },
  "qi_1": 0.0,
  "qi_2": 6.956822269957084e-05,
  "rpve_csf": 30.156273611947316,
  "rpve_gm": 17.028017411520022,
  "rpve_wm": 27.329589906183156,
  "size_x": 240,
  "size_y": 240,
  "size_z": 220,
  "snr_csf": 2.114796039253762,
  "snr_gm": 9.435479500667796,
  "snr_total": 11.251498968685434,
  "snr_wm": 22.204221366134746,
  "snrd_csf": 17.365401957632088,
  "snrd_gm": 44.95300553858334,
  "snrd_total": 45.35954999763597,
  "snrd_wm": 73.7602424966925,
  "spacing_x": 0.9999999403953552,
  "spacing_y": 1.0,
  "spacing_z": 0.9999999403953552,
  "summary_bg_k": 405.2789317503202,
  "summary_bg_mad": 8.881966158501973,
  "summary_bg_mean": 10.46367359161377,
  "summary_bg_median": 6.1540727615356445,
  "summary_bg_n": 162311.0,
  "summary_bg_p05": 0.0,
  "summary_bg_p95": 24.659213066101074,
  "summary_bg_stdv": 12.423611640930176,
  "summary_csf_k": -0.8935825869921779,
  "summary_csf_mad": 147.5361931838402,
  "summary_csf_mean": 237.92813110351562,
  "summary_csf_median": 235.43023681640625,
  "summary_csf_n": 6154.0,
  "summary_csf_p05": 85.37367630004883,
  "summary_csf_p95": 413.500079345703,
  "summary_csf_stdv": 111.31622314453125,
  "summary_gm_k": 0.724594836280835,
  "summary_gm_mad": 61.086351435205586,
  "summary_gm_mean": 613.5811157226562,
  "summary_gm_median": 609.447265625,
  "summary_gm_n": 25584.0,
  "summary_gm_p05": 518.8674377441406,
  "summary_gm_p95": 727.3486297607421,
  "summary_gm_stdv": 64.58975982666016,
  "summary_wm_k": 2.0311886931741983,
  "summary_wm_mad": 35.88885528953605,
  "summary_wm_mean": 994.1519165039062,
  "summary_wm_median": 999.9993896484375,
  "summary_wm_n": 147046.0,
  "summary_wm_p05": 906.6795501708984,
  "summary_wm_p95": 1055.7418212890625,
  "summary_wm_stdv": 45.03630065917969,
  "tpm_overlap_csf": 0.1739061027765274,
  "tpm_overlap_gm": 0.46234673261642456,
  "tpm_overlap_wm": 0.514632523059845,
  "wm2max": 0.7255328241994605
}