{
  "aor": 0.002036875,
  "aqi": 0.0036693052499999997,
  "bids_meta": {
    "AcquisitionNumber": 3,
    "BidsifyVersion": "0.3.5",
    "ConversionSoftware": "dcm2niix",
    "ConversionSoftwareVersion": "v1.0.20181125  GCC6.3.0",
    "EchoTime": 0.02763,
    "EffectiveEchoSpacing": 0.0006909035636805814,
    "FlipAngle": 76.1,
    "ImageComments": "PIOP2",
    "ImageOrientationPatientDICOM": [
      0.98886,
      0.148826,
      -0.00262012,
      -0.148845,
      0.988806,
      -0.0103719
    ],
    "Manufacturer": "Philips",
    "NumberOfVolumesDiscardedByScanner": 2,
    "ParallelAcquisitionTechnique": "SENSE",
    "ParallelReductionFactorInPlane": 2,
    "PatientPosition": "HFS",
    "PhaseEncodingDirection": "j",
    "PhilipsRescaleIntercept": 0,
    "PhilipsRescaleSlope": 0.76947,
    "PhilipsScaleSlope": 0.0666161,
    "ProtocolName": "WIPtask-wm_boldSENSE",
    "PulseSequenceType": "gradient echo EPI",
    "ReconMatrixPE": 80,
    "RepetitionTime": 2,
    "SeriesDescription": "ImageMRSERIES",
    "SeriesNumber": 3,
    "SliceEncodingDirection": "k",
    "SliceTiming": [
      0.0,
      0.0556,
      0.1111,
      0.1667,
      0.2222,
      0.2778,
      0.3333,
      0.3889,
      0.4444,
      0.5,
      0.5556,
      0.6111,
      0.6667,
      0.7222,
      0.7778,
      0.8333,
      0.8889,
      0.9444,
      1.0,
      1.0556,
      1.1111,
      1.1667,
      1.2222,
      1.2778,
      1.3333,
      1.3889,
      1.4444,
      1.5,
      1.5556,
      1.6111,
      1.6667,
      1.7222,
      1.7778,
      1.8333,
      1.8889,
      1.9444
    ],
    "TaskName": "workingmemory",
    "TotalReadoutTime": 0.026945238983542674,
    "UsePhilipsFloatNotDisplayScaling": 1,
    "WaterFatShift": 12,
    "acq_id": "seq",
    "dataset": "ds002790",
    "modality": "bold",
    "subject_id": "0099",
    "task_id": "workingmemory"
  },
  "dummy_trs": 0,
  "dvars_nstd": 19.045268376792464,
  "dvars_std": 1.2205553257861634,
  "dvars_vstd": 0.9969353901886795,
  "efc": 0.43510108934057085,
  "fber": 182498.578125,
  "fd_mean": 0.10695999161476843,
  "fd_num": 7,
  "fd_perc": 4.375,
  "fwhm_avg": 2.0219308170765373,
  "fwhm_x": 1.9416833333333334,
  "fwhm_y": 2.2564333333333333,
  "fwhm_z": 1.867675784562946,
  "gcor": 0.0449993,
  "gsr_x": -0.017172228544950485,
  "gsr_y": 0.017553698271512985,
  "provenance": {
    "md5sum": "973827a9547f8bbbf50f54a05ef2eeab",
    "settings": {
      "fd_thres": 0.2,
      "testing": false
    },
    "software": "mriqc",
    "version": "22.0.0rc1",
    "webapi_port": null,
    "webapi_url": "https://mriqc.nimh.nih.gov/api/v1"
  },
  "size_t": 160,
  "size_x": 80,
  "size_y": 80,
  "size_z": 36,
  "snr": 5.52327797389594,
  "spacing_tr": 2.0,
  "spacing_x": 3.0,
  "spacing_y": 3.0,
  "spacing_z": 3.299999952316284,
  "summary_bg_k": 49.66525046958214,
  "summary_bg_mad": 54.61272664719031,
  "summary_bg_mean": 411.4138488769531,
  "summary_bg_median": 48.17548370361328,
  "summary_bg_n": 152218.0,
  "summary_bg_p05": 4.671732950210571,
  "summary_bg_p95": 1974.7216857910155,
  "summary_bg_stdv": 1064.67578125,
  "summary_fg_k": 1.9982409527689038,
  "summary_fg_mad": 3496.6304611217215,
  "summary_fg_mean": 21524.158203125,
  "summary_fg_median": 21104.26953125,
  "summary_fg_n": 37483.0,
  "summary_fg_p05": 16195.99580078125,
  "summary_fg_p95": 27846.340625000008,
  "summary_fg_stdv": 3820.917236328125,
  "tsnr": 89.09481811523438
}