{
  "aor": 0.0029946638655462187,
  "aqi": 0.0029863103361344534,
  "bids_meta": {
    "AcquisitionNumber": 7,
    "BidsifyVersion": "0.3.5",
    "ConversionSoftware": "dcm2niix",
    "ConversionSoftwareVersion": "v1.0.20181125  GCC6.3.0",
    "EchoTime": 0.02763,
    "EffectiveEchoSpacing": 0.0006909035636805814,
    "FlipAngle": 76.1,
    "ImageComments": "PIOP2",
    "ImageOrientationPatientDICOM": [
      0.98886,
      0.148826,
      -0.00262012,
      -0.148845,
      0.988806,
      -0.0103719
    ],
    "Manufacturer": "Philips",
    "NumberOfVolumesDiscardedByScanner": 2,
    "ParallelAcquisitionTechnique": "SENSE",
    "ParallelReductionFactorInPlane": 2,
    "PatientPosition": "HFS",
    "PhaseEncodingDirection": "j",
    "PhilipsRescaleIntercept": 0,
    "PhilipsRescaleSlope": 0.75702,
    "PhilipsScaleSlope": 0.0680163,
    "ProtocolName": "WIPtask-stop_boldSENSE",
    "PulseSequenceType": "gradient echo EPI",
    "ReconMatrixPE": 80,
    "RepetitionTime": 2,
    "SeriesDescription": "ImageMRSERIES",
    "SeriesNumber": 7,
    "SliceEncodingDirection": "k",
    "SliceTiming": [
      0.0,
      0.0556,
      0.1111,
      0.1667,
      0.2222,
      0.2778,
      0.3333,
      0.3889,
      0.4444,
      0.5,
      0.5556,
      0.6111,
      0.6667,
      0.7222,
      0.7778,
      0.8333,
      0.8889,
      0.9444,
      1.0,
      1.0556,
      1.1111,
      1.1667,
      1.2222,
      1.2778,
      1.3333,
      1.3889,
      1.4444,
      1.5,
      1.5556,
      1.6111,
      1.6667,
      1.7222,
      1.7778,
      1.8333,
      1.8889,
      1.9444
    ],
    "TaskName": "stopsignal",
    "TotalReadoutTime": 0.026945238983542674,
    "UsePhilipsFloatNotDisplayScaling": 1,
    "WaterFatShift": 12,
    "acq_id": "seq",
    "dataset": "ds002790",
    "modality": "bold",
    "subject_id": "0099",
    "task_id": "stopsignal"
  },
  "dummy_trs": 0,
  "dvars_nstd": 17.047726079620247,
  "dvars_std": 1.2022840102109706,
  "dvars_vstd": 1.034154339704641,
  "efc": 0.4359309928985834,
  "fber": 188495.453125,
  "fd_mean": 0.12634982787699564,
  "fd_num": 14,
  "fd_perc": 5.882352941176471,
  "fwhm_avg": 2.0180925341759193,
  "fwhm_x": 1.9494666666666667,
  "fwhm_y": 2.2521533333333332,
  "fwhm_z": 1.852657602527757,
  "gcor": 0.0276221,
  "gsr_x": -0.017066936939954758,
  "gsr_y": 0.018690094351768494,
  "provenance": {
    "md5sum": "c8904887d3f078353eba85617400a15c",
    "settings": {
      "fd_thres": 0.2,
      "testing": false
    },
    "software": "mriqc",
    "version": "22.0.0rc1",
    "webapi_port": null,
    "webapi_url": "https://mriqc.nimh.nih.gov/api/v1"
  },
  "size_t": 238,
  "size_x": 80,
  "size_y": 80,
  "size_z": 36,
  "snr": 5.600799839949944,
  "spacing_tr": 2.0,
  "spacing_x": 3.0,
  "spacing_y": 3.0,
  "spacing_z": 3.299999952316284,
  "summary_bg_k": 46.11178897817542,
  "summary_bg_mad": 52.134525627319086,
  "summary_bg_mean": 413.0036315917969,
  "summary_bg_median": 46.64082336425781,
  "summary_bg_n": 152088.0,
  "summary_bg_p05": 4.548312902450562,
  "summary_bg_p95": 2016.911486816405,
  "summary_bg_stdv": 1061.586181640625,
  "summary_fg_k": 2.052703692879027,
  "summary_fg_mad": 3372.6131021096944,
  "summary_fg_mean": 21166.4296875,
  "summary_fg_median": 20767.865234375,
  "summary_fg_n": 37462.0,
  "summary_fg_p05": 15963.884228515624,
  "summary_fg_p95": 27282.015332031246,
  "summary_fg_stdv": 3707.96826171875,
  "tsnr": 99.89197540283203
}