{
  "bids_meta": {
    "AcquisitionNumber": 2,
    "BidsifyVersion": "0.3.5",
    "ConversionSoftware": "dcm2niix",
    "ConversionSoftwareVersion": "v1.0.20181125  GCC6.3.0",
    "EchoTime": 0.00379,
    "ImageComments": "PIOP2",
    "ImageOrientationPatientDICOM": [
      0.999994,
      0.00110835,
      -0.00316897,
      -0.00157079,
      0.988704,
      -0.149876
    ],
    "Manufacturer": "Philips",
    "NumberSignalAcquisitions": 2,
    "PatientPosition": "HFS",
    "PhilipsRescaleIntercept": 0,
    "PhilipsRescaleSlope": 10.2449,
    "PhilipsScaleSlope": 0.0077523,
    "ProtocolName": "WIPT1anat_acq-6m_T1wSENSE",
    "ReconMatrixPE": 240,
    "RepetitionTime": 0.008247,
    "SeriesDescription": "ImageMRSERIES",
    "SeriesNumber": 2,
    "UsePhilipsFloatNotDisplayScaling": 1,
    "dataset": "ds002790",
    "modality": "T1w",
    "subject_id": "0121"
  },
  "cjv": 0.2699086673165431,
  "cnr": 4.529617800785056,
  "efc": 0.7703997263383907,
  "fber": 1541.8660888671875,
  "fwhm_avg": 4.787106766324844,
  "fwhm_x": 4.48719,
  "fwhm_y": 4.85817,
  "fwhm_z": 5.015960298974532,
  "icvs_csf": 0.26303422766805024,
  "icvs_gm": 0.39803026427035676,
  "icvs_wm": 0.33893550806159295,
  "inu_med": 1.7157394886016846,
  "inu_range": 0.40975351929664616,
  "provenance": {
    "md5sum": "affafd6b0f90afc02d4d152a63c4defb",
    "settings": {
      "testing": false
    },
    "software": "mriqc",
    "version": "22.0.0rc1",
    "warnings": {
      "large_rot_frame": true,
      "small_air_mask": true
    },
    "webapi_port": null,
    "webapi_url": "https://mriqc.nimh.nih.gov/api/v1"
  },
  "qi_1": 0.0,
  "qi_2": 7.739362795041784e-05,
  "rpve_csf": 23.03560440286671,
  "rpve_gm": 14.853946188821304,
  "rpve_wm": 22.295703148500067,
  "size_x": 240,
  "size_y": 240,
  "size_z": 220,
  "snr_csf": 2.5043685359906007,
  "snr_gm": 9.349782572323466,
  "snr_total": 12.232506318598132,
  "snr_wm": 24.84336784748033,
  "snrd_csf": 23.248703579463594,
  "snrd_gm": 47.692682854932386,
  "snrd_total": 48.52571769640258,
  "snrd_wm": 74.63576665481176,
  "spacing_x": 1.0,
  "spacing_y": 1.0,
  "spacing_z": 0.9999999403953552,
  "summary_bg_k": 143.3754858608013,
  "summary_bg_mad": 8.777773005040615,
  "summary_bg_mean": 9.972644805908203,
  "summary_bg_median": 6.1516828536987305,
  "summary_bg_n": 206573.0,
  "summary_bg_p05": 0.0,
  "summary_bg_p95": 24.201806640625,
  "summary_bg_stdv": 7.7781081199646,
  "summary_csf_k": 103.41471509981125,
  "summary_csf_mad": 93.10450551652217,
  "summary_csf_mean": 301.83807373046875,
  "summary_csf_median": 311.4952087402344,
  "summary_csf_n": 18645.0,
  "summary_csf_p05": 119.57637329101563,
  "summary_csf_p95": 437.5921997070312,
  "summary_csf_stdv": 124.37740325927734,
  "summary_gm_k": 0.7812670629470371,
  "summary_gm_mad": 62.5637956748016,
  "summary_gm_mean": 645.0570678710938,
  "summary_gm_median": 639.0051879882812,
  "summary_gm_n": 26518.0,
  "summary_gm_p05": 544.74013671875,
  "summary_gm_p95": 769.4935363769529,
  "summary_gm_stdv": 68.34310150146484,
  "summary_wm_k": 1.3948679864711186,
  "summary_wm_mad": 34.87160230861987,
  "summary_wm_mean": 997.9218139648438,
  "summary_wm_median": 999.9991455078125,
  "summary_wm_n": 199310.0,
  "summary_wm_p05": 928.2141479492187,
  "summary_wm_p95": 1059.1129150390625,
  "summary_wm_stdv": 40.25205612182617,
  "tpm_overlap_csf": 0.1676296591758728,
  "tpm_overlap_gm": 0.45567452907562256,
  "tpm_overlap_wm": 0.5179837942123413,
  "wm2max": 0.7804373071170235
}