{
  "aor": 0.0019069999999999998,
  "aqi": 0.003143914875,
  "bids_meta": {
    "AcquisitionNumber": 4,
    "BidsifyVersion": "0.3.5",
    "ConversionSoftware": "dcm2niix",
    "ConversionSoftwareVersion": "v1.0.20181125  GCC6.3.0",
    "EchoTime": 0.02763,
    "EffectiveEchoSpacing": 0.0006909035636805814,
    "FlipAngle": 76.1,
    "ImageComments": "PIOP2",
    "ImageOrientationPatientDICOM": [
      0.99968,
      0.00751536,
      -0.0241648,
      -0.012214,
      0.979592,
      -0.200627
    ],
    "Manufacturer": "Philips",
    "NumberOfVolumesDiscardedByScanner": 2,
    "ParallelAcquisitionTechnique": "SENSE",
    "ParallelReductionFactorInPlane": 2,
    "PatientPosition": "HFS",
    "PhaseEncodingDirection": "j",
    "PhilipsRescaleIntercept": 0,
    "PhilipsRescaleSlope": 0.77021,
    "PhilipsScaleSlope": 0.0542353,
    "ProtocolName": "WIPtask-rest_boldSENSE",
    "PulseSequenceType": "gradient echo EPI",
    "ReconMatrixPE": 80,
    "RepetitionTime": 2,
    "SeriesDescription": "ImageMRSERIES",
    "SeriesNumber": 4,
    "SliceEncodingDirection": "k",
    "SliceTiming": [
      0.0,
      0.0556,
      0.1111,
      0.1667,
      0.2222,
      0.2778,
      0.3333,
      0.3889,
      0.4444,
      0.5,
      0.5556,
      0.6111,
      0.6667,
      0.7222,
      0.7778,
      0.8333,
      0.8889,
      0.9444,
      1.0,
      1.0556,
      1.1111,
      1.1667,
      1.2222,
      1.2778,
      1.3333,
      1.3889,
      1.4444,
      1.5,
      1.5556,
      1.6111,
      1.6667,
      1.7222,
      1.7778,
      1.8333,
      1.8889,
      1.9444
    ],
    "TaskName": "restingstate",
    "TotalReadoutTime": 0.026945238983542674,
    "UsePhilipsFloatNotDisplayScaling": 1,
    "WaterFatShift": 12,
    "acq_id": "seq",
    "dataset": "ds002790",
    "modality": "bold",
    "subject_id": "0095",
    "task_id": "restingstate"
  },
  "dummy_trs": 0,
  "dvars_nstd": 20.92898554794978,
  "dvars_std": 1.4116552425941424,
  "dvars_vstd": 1.0148659358995817,
  "efc": 0.4166859796213544,
  "fber": 263221.15625,
  "fd_mean": 0.09010068792001523,
  "fd_num": 1,
  "fd_perc": 0.4166666666666667,
  "fwhm_avg": 1.938790008652748,
  "fwhm_x": 1.8801533333333333,
  "fwhm_y": 2.13975,
  "fwhm_z": 1.7964666926249113,
  "gcor": 0.0288391,
  "gsr_x": -0.01965908147394657,
  "gsr_y": 0.012551256455481052,
  "provenance": {
    "md5sum": "567d6db7d29e3f1ad93440a72f4955c8",
    "settings": {
      "fd_thres": 0.2,
      "testing": false
    },
    "software": "mriqc",
    "version": "22.0.0rc1",
    "webapi_port": null,
    "webapi_url": "https://mriqc.nimh.nih.gov/api/v1"
  },
  "size_t": 240,
  "size_x": 80,
  "size_y": 80,
  "size_z": 36,
  "snr": 5.443796783067816,
  "spacing_tr": 2.0,
  "spacing_x": 3.0,
  "spacing_y": 3.0,
  "spacing_z": 3.299999952316284,
  "summary_bg_k": 124.02017475836249,
  "summary_bg_mad": 50.375431419841036,
  "summary_bg_mean": 415.46759033203125,
  "summary_bg_median": 46.93103790283203,
  "summary_bg_n": 155358.0,
  "summary_bg_p05": 2.28091459274292,
  "summary_bg_p95": 1864.3624084472633,
  "summary_bg_stdv": 1409.057861328125,
  "summary_fg_k": 2.181276739659973,
  "summary_fg_mad": 4139.1821546411675,
  "summary_fg_mean": 25259.609375,
  "summary_fg_median": 24761.392578125,
  "summary_fg_n": 34907.0,
  "summary_fg_p05": 18945.383203125,
  "summary_fg_p95": 32796.413671875,
  "summary_fg_stdv": 4548.48681640625,
  "tsnr": 103.559814453125
}