{
  "aor": 0.005269304347826088,
  "aqi": 0.004050936956521739,
  "bids_meta": {
    "AcquisitionNumber": 7,
    "BidsifyVersion": "0.3.5",
    "ConversionSoftware": "dcm2niix",
    "ConversionSoftwareVersion": "v1.0.20181125  GCC6.3.0",
    "EchoTime": 0.02763,
    "EffectiveEchoSpacing": 0.0006909035636805814,
    "FlipAngle": 76.1,
    "ImageComments": "PIOP2",
    "ImageOrientationPatientDICOM": [
      0.998952,
      0.0314685,
      0.0332311,
      -0.0324405,
      0.999049,
      0.0291264
    ],
    "Manufacturer": "Philips",
    "NumberOfVolumesDiscardedByScanner": 2,
    "ParallelAcquisitionTechnique": "SENSE",
    "ParallelReductionFactorInPlane": 2,
    "PatientPosition": "HFS",
    "PhaseEncodingDirection": "j",
    "PhilipsRescaleIntercept": 0,
    "PhilipsRescaleSlope": 0.77094,
    "PhilipsScaleSlope": 0.0513582,
    "ProtocolName": "WIPtask-stop_boldSENSE",
    "PulseSequenceType": "gradient echo EPI",
    "ReconMatrixPE": 80,
    "RepetitionTime": 2,
    "SeriesDescription": "ImageMRSERIES",
    "SeriesNumber": 7,
    "SliceEncodingDirection": "k",
    "SliceTiming": [
      0.0,
      0.0556,
      0.1111,
      0.1667,
      0.2222,
      0.2778,
      0.3333,
      0.3889,
      0.4444,
      0.5,
      0.5556,
      0.6111,
      0.6667,
      0.7222,
      0.7778,
      0.8333,
      0.8889,
      0.9444,
      1.0,
      1.0556,
      1.1111,
      1.1667,
      1.2222,
      1.2778,
      1.3333,
      1.3889,
      1.4444,
      1.5,
      1.5556,
      1.6111,
      1.6667,
      1.7222,
      1.7778,
      1.8333,
      1.8889,
      1.9444
    ],
    "TaskName": "stopsignal",
    "TotalReadoutTime": 0.026945238983542674,
    "UsePhilipsFloatNotDisplayScaling": 1,
    "WaterFatShift": 12,
    "acq_id": "seq",
    "dataset": "ds002790",
    "modality": "bold",
    "subject_id": "0031",
    "task_id": "stopsignal"
  },
  "dummy_trs": 0,
  "dvars_nstd": 17.0340308682096,
  "dvars_std": 1.3288032746288214,
  "dvars_vstd": 1.071988006986899,
  "efc": 0.4761215246737627,
  "fber": 171949.84375,
  "fd_mean": 0.09428655631784046,
  "fd_num": 15,
  "fd_perc": 6.521739130434782,
  "fwhm_avg": 1.910537079502009,
  "fwhm_x": 1.8263533333333333,
  "fwhm_y": 2.0792699999999997,
  "fwhm_z": 1.8259879051726935,
  "gcor": 0.0934656,
  "gsr_x": -0.011434015817940235,
  "gsr_y": 0.018829843029379845,
  "provenance": {
    "md5sum": "71179ad6af325fd172f79c67e3997294",
    "settings": {
      "fd_thres": 0.2,
      "testing": false
    },
    "software": "mriqc",
    "version": "22.0.0rc1",
    "webapi_port": null,
    "webapi_url": "https://mriqc.nimh.nih.gov/api/v1"
  },
  "size_t": 230,
  "size_x": 80,
  "size_y": 80,
  "size_z": 36,
  "snr": 6.511547580344364,
  "spacing_tr": 2.0,
  "spacing_x": 3.0,
  "spacing_y": 3.0,
  "spacing_z": 3.299999952316284,
  "summary_bg_k": 30.013137386128314,
  "summary_bg_mad": 90.55171316513349,
  "summary_bg_mean": 1084.7188720703125,
  "summary_bg_median": 75.6666030883789,
  "summary_bg_n": 147594.0,
  "summary_bg_p05": 8.117424249649048,
  "summary_bg_p95": 6191.962866210937,
  "summary_bg_stdv": 2715.655029296875,
  "summary_fg_k": 1.6905374970614027,
  "summary_fg_mad": 4682.607990457715,
  "summary_fg_mean": 32090.890625,
  "summary_fg_median": 31698.30078125,
  "summary_fg_n": 41398.0,
  "summary_fg_p05": 25262.81494140625,
  "summary_fg_p95": 40227.6001953125,
  "summary_fg_stdv": 4867.95458984375,
  "tsnr": 99.96488952636719
}