{
  "aor": 0.001954875,
  "aqi": 0.0024521804166666664,
  "bids_meta": {
    "AcquisitionNumber": 4,
    "BidsifyVersion": "0.3.5",
    "ConversionSoftware": "dcm2niix",
    "ConversionSoftwareVersion": "v1.0.20181125  GCC6.3.0",
    "EchoTime": 0.02763,
    "EffectiveEchoSpacing": 0.0006909035636805814,
    "FlipAngle": 76.1,
    "ImageComments": "PIOP2",
    "ImageOrientationPatientDICOM": [
      0.999412,
      -0.03383,
      0.00554915,
      0.0338524,
      0.999419,
      -0.00400322
    ],
    "Manufacturer": "Philips",
    "NumberOfVolumesDiscardedByScanner": 2,
    "ParallelAcquisitionTechnique": "SENSE",
    "ParallelReductionFactorInPlane": 2,
    "PatientPosition": "HFS",
    "PhaseEncodingDirection": "j",
    "PhilipsRescaleIntercept": 0,
    "PhilipsRescaleSlope": 0.82882,
    "PhilipsScaleSlope": 0.0559959,
    "ProtocolName": "WIPtask-rest_boldSENSE",
    "PulseSequenceType": "gradient echo EPI",
    "ReconMatrixPE": 80,
    "RepetitionTime": 2,
    "SeriesDescription": "ImageMRSERIES",
    "SeriesNumber": 4,
    "SliceEncodingDirection": "k",
    "SliceTiming": [
      0.0,
      0.0556,
      0.1111,
      0.1667,
      0.2222,
      0.2778,
      0.3333,
      0.3889,
      0.4444,
      0.5,
      0.5556,
      0.6111,
      0.6667,
      0.7222,
      0.7778,
      0.8333,
      0.8889,
      0.9444,
      1.0,
      1.0556,
      1.1111,
      1.1667,
      1.2222,
      1.2778,
      1.3333,
      1.3889,
      1.4444,
      1.5,
      1.5556,
      1.6111,
      1.6667,
      1.7222,
      1.7778,
      1.8333,
      1.8889,
      1.9444
    ],
    "TaskName": "restingstate",
    "TotalReadoutTime": 0.026945238983542674,
    "UsePhilipsFloatNotDisplayScaling": 1,
    "WaterFatShift": 12,
    "acq_id": "seq",
    "dataset": "ds002790",
    "modality": "bold",
    "subject_id": "0184",
    "task_id": "restingstate"
  },
  "dummy_trs": 0,
  "dvars_nstd": 17.93076655246861,
  "dvars_std": 1.2805576822594147,
  "dvars_vstd": 1.0097892780753135,
  "efc": 0.4328769049649871,
  "fber": 233815.75,
  "fd_mean": 0.08252614325285117,
  "fd_num": 3,
  "fd_perc": 1.25,
  "fwhm_avg": 1.952192534202089,
  "fwhm_x": 1.9053966666666666,
  "fwhm_y": 2.09309,
  "fwhm_z": 1.8580909359396,
  "gcor": 0.0335884,
  "gsr_x": -0.014628492295742035,
  "gsr_y": 0.014239977113902569,
  "provenance": {
    "md5sum": "2ab16a06220229940e6a319ed8dd0382",
    "settings": {
      "fd_thres": 0.2,
      "testing": false
    },
    "software": "mriqc",
    "version": "22.0.0rc1",
    "webapi_port": null,
    "webapi_url": "https://mriqc.nimh.nih.gov/api/v1"
  },
  "size_t": 240,
  "size_x": 80,
  "size_y": 80,
  "size_z": 36,
  "snr": 5.543171176978096,
  "spacing_tr": 2.0,
  "spacing_x": 3.0,
  "spacing_y": 3.0,
  "spacing_z": 3.299999952316284,
  "summary_bg_k": 56.95380478236436,
  "summary_bg_mad": 60.53593584231807,
  "summary_bg_mean": 658.39208984375,
  "summary_bg_median": 52.97715377807617,
  "summary_bg_n": 154686.0,
  "summary_bg_p05": 4.8626121282577515,
  "summary_bg_p95": 3604.4719848632812,
  "summary_bg_stdv": 1779.9232177734375,
  "summary_fg_k": 1.4770844624041963,
  "summary_fg_mad": 4536.500727102191,
  "summary_fg_mean": 26454.212890625,
  "summary_fg_median": 26022.31640625,
  "summary_fg_n": 35140.0,
  "summary_fg_p05": 19730.62705078125,
  "summary_fg_p95": 34258.0203125,
  "summary_fg_stdv": 4694.4150390625,
  "tsnr": 105.85353088378906
}