{
  "aor": 0.0032001481481481477,
  "aqi": 0.002158675703703704,
  "bids_meta": {
    "AcquisitionNumber": 8,
    "BidsifyVersion": "0.3.5",
    "ConversionSoftware": "dcm2niix",
    "ConversionSoftwareVersion": "v1.0.20181125  GCC6.3.0",
    "EchoTime": 0.02763,
    "EffectiveEchoSpacing": 0.0006909035636805814,
    "FlipAngle": 76.1,
    "ImageComments": "PIOP2",
    "ImageOrientationPatientDICOM": [
      0.999412,
      -0.03383,
      0.00554915,
      0.0338524,
      0.999419,
      -0.00400322
    ],
    "Manufacturer": "Philips",
    "NumberOfVolumesDiscardedByScanner": 2,
    "ParallelAcquisitionTechnique": "SENSE",
    "ParallelReductionFactorInPlane": 2,
    "PatientPosition": "HFS",
    "PhaseEncodingDirection": "j",
    "PhilipsRescaleIntercept": 0,
    "PhilipsRescaleSlope": 0.78803,
    "PhilipsScaleSlope": 0.0589381,
    "ProtocolName": "WIPtask-harriri_boldSENSE",
    "PulseSequenceType": "gradient echo EPI",
    "ReconMatrixPE": 80,
    "RepetitionTime": 2,
    "SeriesDescription": "ImageMRSERIES",
    "SeriesNumber": 8,
    "SliceEncodingDirection": "k",
    "SliceTiming": [
      0.0,
      0.0556,
      0.1111,
      0.1667,
      0.2222,
      0.2778,
      0.3333,
      0.3889,
      0.4444,
      0.5,
      0.5556,
      0.6111,
      0.6667,
      0.7222,
      0.7778,
      0.8333,
      0.8889,
      0.9444,
      1.0,
      1.0556,
      1.1111,
      1.1667,
      1.2222,
      1.2778,
      1.3333,
      1.3889,
      1.4444,
      1.5,
      1.5556,
      1.6111,
      1.6667,
      1.7222,
      1.7778,
      1.8333,
      1.8889,
      1.9444
    ],
    "TaskName": "emomatching",
    "TotalReadoutTime": 0.026945238983542674,
    "UsePhilipsFloatNotDisplayScaling": 1,
    "WaterFatShift": 12,
    "acq_id": "seq",
    "dataset": "ds002790",
    "modality": "bold",
    "subject_id": "0184",
    "task_id": "emomatching"
  },
  "dummy_trs": 0,
  "dvars_nstd": 15.066911184925377,
  "dvars_std": 1.21426450022388,
  "dvars_vstd": 1.0314492792537318,
  "efc": 0.4339866285889935,
  "fber": 229298.203125,
  "fd_mean": 0.07181305840798483,
  "fd_num": 0,
  "fd_perc": 0.0,
  "fwhm_avg": 1.948952231159949,
  "fwhm_x": 1.8952066666666667,
  "fwhm_y": 2.096016666666667,
  "fwhm_z": 1.8556333601465134,
  "gcor": 0.020701,
  "gsr_x": -0.01489663403481245,
  "gsr_y": 0.013895025476813316,
  "provenance": {
    "md5sum": "5e1b7bd6d4062b848772c42500915581",
    "settings": {
      "fd_thres": 0.2,
      "testing": false
    },
    "software": "mriqc",
    "version": "22.0.0rc1",
    "webapi_port": null,
    "webapi_url": "https://mriqc.nimh.nih.gov/api/v1"
  },
  "size_t": 135,
  "size_x": 80,
  "size_y": 80,
  "size_z": 36,
  "snr": 5.619258316495281,
  "spacing_tr": 2.0,
  "spacing_x": 3.0,
  "spacing_y": 3.0,
  "spacing_z": 3.299999952316284,
  "summary_bg_k": 54.50277270753171,
  "summary_bg_mad": 60.49760801520955,
  "summary_bg_mean": 663.9489135742188,
  "summary_bg_median": 52.86253356933594,
  "summary_bg_n": 154699.0,
  "summary_bg_p05": 4.682513999938965,
  "summary_bg_p95": 3673.798120117189,
  "summary_bg_stdv": 1779.3612060546875,
  "summary_fg_k": 1.3874192309692726,
  "summary_fg_mad": 4421.80030683634,
  "summary_fg_mean": 26146.177734375,
  "summary_fg_median": 25711.427734375,
  "summary_fg_n": 35136.0,
  "summary_fg_p05": 19558.5849609375,
  "summary_fg_p95": 33755.7490234375,
  "summary_fg_stdv": 4575.52587890625,
  "tsnr": 118.77411651611328
}