{
  "bids_meta": {
    "AcquisitionNumber": 2,
    "BidsifyVersion": "0.3.5",
    "ConversionSoftware": "dcm2niix",
    "ConversionSoftwareVersion": "v1.0.20181125  GCC6.3.0",
    "EchoTime": 0.00375,
    "ImageComments": "PIOP2",
    "ImageOrientationPatientDICOM": [
      0.998913,
      0.0316588,
      0.0342204,
      -0.0294725,
      0.997603,
      -0.0626076
    ],
    "Manufacturer": "Philips",
    "NumberSignalAcquisitions": 2,
    "PatientPosition": "HFS",
    "PhilipsRescaleIntercept": 0,
    "PhilipsRescaleSlope": 8.8801,
    "PhilipsScaleSlope": 0.00629939,
    "ProtocolName": "WIPT1anat_acq-6m_T1wSENSE",
    "ReconMatrixPE": 240,
    "RepetitionTime": 0.008184,
    "SeriesDescription": "ImageMRSERIES",
    "SeriesNumber": 2,
    "UsePhilipsFloatNotDisplayScaling": 1,
    "dataset": "ds002790",
    "modality": "T1w",
    "subject_id": "0031"
  },
  "cjv": 0.24061864417389522,
  "cnr": 4.8447697317339,
  "efc": 0.7638679232797602,
  "fber": 1408.5107421875,
  "fwhm_avg": 4.57689,
  "fwhm_x": 4.2691,
  "fwhm_y": 4.62963,
  "fwhm_z": 4.83194,
  "icvs_csf": 0.25760524612679025,
  "icvs_gm": 0.403293463919692,
  "icvs_wm": 0.33910128995351774,
  "inu_med": 1.787561058998108,
  "inu_range": 0.4043549537658693,
  "provenance": {
    "md5sum": "41d604290945467cd4e0b1ee75d5cfed",
    "settings": {
      "testing": false
    },
    "software": "mriqc",
    "version": "22.0.0rc1",
    "warnings": {
      "large_rot_frame": true,
      "small_air_mask": true
    },
    "webapi_port": null,
    "webapi_url": "https://mriqc.nimh.nih.gov/api/v1"
  },
  "qi_1": 0.0,
  "qi_2": 7.21887477449946e-05,
  "rpve_csf": 21.16868349042262,
  "rpve_gm": 13.233496630078134,
  "rpve_wm": 20.200694051150574,
  "size_x": 240,
  "size_y": 240,
  "size_z": 220,
  "snr_csf": 2.9031127938455517,
  "snr_gm": 9.19338045242648,
  "snr_total": 12.371377836079633,
  "snr_wm": 25.01764026196687,
  "snrd_csf": 23.218014080097184,
  "snrd_gm": 48.97579974489276,
  "snrd_total": 50.42828980457663,
  "snrd_wm": 79.09105558873996,
  "spacing_x": 1.0,
  "spacing_y": 1.0,
  "spacing_z": 1.0,
  "summary_bg_k": 12.722173276696614,
  "summary_bg_mad": 8.283287832034366,
  "summary_bg_mean": 8.433019638061523,
  "summary_bg_median": 5.704352855682373,
  "summary_bg_n": 176523.0,
  "summary_bg_p05": 0.0,
  "summary_bg_p95": 17.410636711120606,
  "summary_bg_stdv": 6.517389297485352,
  "summary_csf_k": -0.5164875879298898,
  "summary_csf_mad": 106.19252634754679,
  "summary_csf_mean": 282.35302734375,
  "summary_csf_median": 293.5594787597656,
  "summary_csf_n": 15122.0,
  "summary_csf_p05": 105.02549629211425,
  "summary_csf_p95": 429.99419860839845,
  "summary_csf_stdv": 101.11552429199219,
  "summary_gm_k": 1.3923645734772263,
  "summary_gm_mad": 58.763134390722946,
  "summary_gm_mean": 626.7938232421875,
  "summary_gm_median": 619.2308349609375,
  "summary_gm_n": 25511.0,
  "summary_gm_p05": 531.4732360839844,
  "summary_gm_p95": 751.5118713378906,
  "summary_gm_stdv": 67.35484313964844,
  "summary_wm_k": 2.300162120001626,
  "summary_wm_mad": 32.85614467240979,
  "summary_wm_mean": 996.5999755859375,
  "summary_wm_median": 999.996337890625,
  "summary_wm_n": 209718.0,
  "summary_wm_p05": 925.83681640625,
  "summary_wm_p95": 1054.5660827636718,
  "summary_wm_stdv": 39.971553802490234,
  "tpm_overlap_csf": 0.1631229966878891,
  "tpm_overlap_gm": 0.4359942376613617,
  "tpm_overlap_wm": 0.5029693245887756,
  "wm2max": 0.7746238951670044
}