{
  "aor": 0.0036987407407407403,
  "aqi": 0.011484537037037038,
  "bids_meta": {
    "AcquisitionNumber": 8,
    "BidsifyVersion": "0.3.5",
    "ConversionSoftware": "dcm2niix",
    "ConversionSoftwareVersion": "v1.0.20181125  GCC6.3.0",
    "EchoTime": 0.02763,
    "FlipAngle": 76.1,
    "ImageComments": "PIOP2",
    "ImageOrientationPatientDICOM": [
      0.999145,
      0.00891429,
      0.0403733,
      -0.0118586,
      0.99724,
      0.0732864
    ],
    "Manufacturer": "Philips",
    "NumberOfVolumesDiscardedByScanner": 2,
    "ParallelAcquisitionTechnique": "SENSE",
    "ParallelReductionFactorInPlane": 2,
    "PatientPosition": "HFS",
    "PhaseEncodingDirection": "j",
    "PhilipsRescaleIntercept": 0,
    "PhilipsRescaleSlope": 0.75385,
    "PhilipsScaleSlope": 0.0537487,
    "ProtocolName": "WIPtask-harriri_boldSENSE",
    "PulseSequenceType": "gradient echo EPI",
    "ReconMatrixPE": 80,
    "RepetitionTime": 2,
    "SeriesDescription": "ImageMRSERIES",
    "SeriesNumber": 8,
    "SliceEncodingDirection": "k",
    "TaskName": "emomatching",
    "UsePhilipsFloatNotDisplayScaling": 1,
    "WaterFatShift": 12,
    "acq_id": "seq",
    "dataset": "ds002790",
    "modality": "bold",
    "subject_id": "0207",
    "task_id": "emomatching"
  },
  "dummy_trs": 0,
  "dvars_nstd": 19.12258009395523,
  "dvars_std": 1.0439659216417916,
  "dvars_vstd": 0.9212630279104476,
  "efc": 0.4537166001522443,
  "fber": 238180.15625,
  "fd_mean": 0.15429051080979161,
  "fd_num": 15,
  "fd_perc": 11.11111111111111,
  "fwhm_avg": 1.9864075054984835,
  "fwhm_x": 1.9453631787297585,
  "fwhm_y": 2.2232535100216477,
  "fwhm_z": 1.790605827744044,
  "gcor": 0.0225903,
  "gsr_x": -0.01591677963733673,
  "gsr_y": 0.01982525736093521,
  "provenance": {
    "md5sum": "d7426f3e40853f7926f8f9cf5677b2b1",
    "settings": {
      "fd_thres": 0.2,
      "testing": false
    },
    "software": "mriqc",
    "version": "23.0.1",
    "webapi_port": null,
    "webapi_url": "https://mriqc.nimh.nih.gov/api/v1"
  },
  "size_t": 135,
  "size_x": 80,
  "size_y": 80,
  "size_z": 36,
  "snr": 5.88791244600098,
  "spacing_tr": 2.0,
  "spacing_x": 3.000000238418579,
  "spacing_y": 2.999999761581421,
  "spacing_z": 3.3000004291534424,
  "summary_bg_k": 50.0089788834965,
  "summary_bg_mad": 57.440733511141126,
  "summary_bg_mean": 758.9954223632812,
  "summary_bg_median": 52.51184844970703,
  "summary_bg_n": 150742.0,
  "summary_bg_p05": 6.0997198104858406,
  "summary_bg_p95": 4400.548364257808,
  "summary_bg_stdv": 2058.03271484375,
  "summary_fg_k": 3.2738227498913988,
  "summary_fg_mad": 3885.0490767105252,
  "summary_fg_mean": 26671.166015625,
  "summary_fg_median": 26186.775390625,
  "summary_fg_n": 38253.0,
  "summary_fg_p05": 20647.7734375,
  "summary_fg_p95": 33782.270312500004,
  "summary_fg_stdv": 4447.490234375,
  "tsnr": 65.53622436523438
}