{
  "aor": 0.003697018348623853,
  "aqi": 0.004825649036697248,
  "bids_meta": {
    "AcquisitionNumber": 7,
    "BidsifyVersion": "0.3.5",
    "ConversionSoftware": "dcm2niix",
    "ConversionSoftwareVersion": "v1.0.20181125  GCC6.3.0",
    "EchoTime": 0.02763,
    "EffectiveEchoSpacing": 0.0006909035636805814,
    "FlipAngle": 76.1,
    "ImageComments": "PIOP2",
    "ImageOrientationPatientDICOM": [
      0.998185,
      0.0538926,
      -0.026864,
      -0.0540598,
      0.998522,
      -0.00553659
    ],
    "Manufacturer": "Philips",
    "NumberOfVolumesDiscardedByScanner": 2,
    "ParallelAcquisitionTechnique": "SENSE",
    "ParallelReductionFactorInPlane": 2,
    "PatientPosition": "HFS",
    "PhaseEncodingDirection": "j",
    "PhilipsRescaleIntercept": 0,
    "PhilipsRescaleSlope": 0.77167,
    "PhilipsScaleSlope": 0.0506785,
    "ProtocolName": "WIPtask-stop_boldSENSE",
    "PulseSequenceType": "gradient echo EPI",
    "ReconMatrixPE": 80,
    "RepetitionTime": 2,
    "SeriesDescription": "ImageMRSERIES",
    "SeriesNumber": 7,
    "SliceEncodingDirection": "k",
    "SliceTiming": [
      0.0,
      0.0556,
      0.1111,
      0.1667,
      0.2222,
      0.2778,
      0.3333,
      0.3889,
      0.4444,
      0.5,
      0.5556,
      0.6111,
      0.6667,
      0.7222,
      0.7778,
      0.8333,
      0.8889,
      0.9444,
      1.0,
      1.0556,
      1.1111,
      1.1667,
      1.2222,
      1.2778,
      1.3333,
      1.3889,
      1.4444,
      1.5,
      1.5556,
      1.6111,
      1.6667,
      1.7222,
      1.7778,
      1.8333,
      1.8889,
      1.9444
    ],
    "TaskName": "stopsignal",
    "TotalReadoutTime": 0.026945238983542674,
    "UsePhilipsFloatNotDisplayScaling": 1,
    "WaterFatShift": 12,
    "acq_id": "seq",
    "dataset": "ds002790",
    "modality": "bold",
    "subject_id": "0021",
    "task_id": "stopsignal"
  },
  "dummy_trs": 0,
  "dvars_nstd": 19.456412012073734,
  "dvars_std": 1.2824135926728115,
  "dvars_vstd": 1.0278549249308762,
  "efc": 0.4396927253064486,
  "fber": 194122.65625,
  "fd_mean": 0.12514735914935748,
  "fd_num": 19,
  "fd_perc": 8.715596330275229,
  "fwhm_avg": 2.0459633422919317,
  "fwhm_x": 1.9632100000000001,
  "fwhm_y": 2.314713333333333,
  "fwhm_z": 1.8599666935424615,
  "gcor": 0.0224695,
  "gsr_x": -0.01543508656322956,
  "gsr_y": 0.02237005904316902,
  "provenance": {
    "md5sum": "f64ca0a68a5404803343ef390e9aa9d4",
    "settings": {
      "fd_thres": 0.2,
      "testing": false
    },
    "software": "mriqc",
    "version": "22.0.0rc1",
    "webapi_port": null,
    "webapi_url": "https://mriqc.nimh.nih.gov/api/v1"
  },
  "size_t": 218,
  "size_x": 80,
  "size_y": 80,
  "size_z": 36,
  "snr": 5.382730678719422,
  "spacing_tr": 2.0,
  "spacing_x": 3.0,
  "spacing_y": 3.0,
  "spacing_z": 3.299999952316284,
  "summary_bg_k": 62.328330522376646,
  "summary_bg_mad": 64.73165122734717,
  "summary_bg_mean": 647.9138793945312,
  "summary_bg_median": 58.29093551635742,
  "summary_bg_n": 152601.0,
  "summary_bg_p05": 5.780389785766602,
  "summary_bg_p95": 2884.58740234375,
  "summary_bg_stdv": 1890.1019287109375,
  "summary_fg_k": 2.5522643181325817,
  "summary_fg_mad": 4246.539060793483,
  "summary_fg_mean": 26740.634765625,
  "summary_fg_median": 26341.595703125,
  "summary_fg_n": 36912.0,
  "summary_fg_p05": 19708.29345703125,
  "summary_fg_p95": 34687.7478515625,
  "summary_fg_stdv": 4893.6572265625,
  "tsnr": 84.03157806396484
}