{
  "aor": 0.0029025925925925925,
  "aqi": 0.005295892518518518,
  "bids_meta": {
    "AcquisitionNumber": 8,
    "BidsifyVersion": "0.3.5",
    "ConversionSoftware": "dcm2niix",
    "ConversionSoftwareVersion": "v1.0.20181125  GCC6.3.0",
    "EchoTime": 0.02763,
    "EffectiveEchoSpacing": 0.0006909035636805814,
    "FlipAngle": 76.1,
    "ImageComments": "PIOP2",
    "ImageOrientationPatientDICOM": [
      0.999458,
      0.0328012,
      0.00260974,
      -0.0324569,
      0.99579,
      -0.0857207
    ],
    "Manufacturer": "Philips",
    "NumberOfVolumesDiscardedByScanner": 2,
    "ParallelAcquisitionTechnique": "SENSE",
    "ParallelReductionFactorInPlane": 2,
    "PatientPosition": "HFS",
    "PhaseEncodingDirection": "j",
    "PhilipsRescaleIntercept": 0,
    "PhilipsRescaleSlope": 0.74799,
    "PhilipsScaleSlope": 0.0583708,
    "ProtocolName": "WIPtask-harriri_boldSENSE",
    "PulseSequenceType": "gradient echo EPI",
    "ReconMatrixPE": 80,
    "RepetitionTime": 2,
    "SeriesDescription": "ImageMRSERIES",
    "SeriesNumber": 8,
    "SliceEncodingDirection": "k",
    "SliceTiming": [
      0.0,
      0.0556,
      0.1111,
      0.1667,
      0.2222,
      0.2778,
      0.3333,
      0.3889,
      0.4444,
      0.5,
      0.5556,
      0.6111,
      0.6667,
      0.7222,
      0.7778,
      0.8333,
      0.8889,
      0.9444,
      1.0,
      1.0556,
      1.1111,
      1.1667,
      1.2222,
      1.2778,
      1.3333,
      1.3889,
      1.4444,
      1.5,
      1.5556,
      1.6111,
      1.6667,
      1.7222,
      1.7778,
      1.8333,
      1.8889,
      1.9444
    ],
    "TaskName": "emomatching",
    "TotalReadoutTime": 0.026945238983542674,
    "UsePhilipsFloatNotDisplayScaling": 1,
    "WaterFatShift": 12,
    "acq_id": "seq",
    "dataset": "ds002790",
    "modality": "bold",
    "subject_id": "0191",
    "task_id": "emomatching"
  },
  "dummy_trs": 0,
  "dvars_nstd": 19.555266422910446,
  "dvars_std": 1.2984681505970153,
  "dvars_vstd": 0.9960292557462687,
  "efc": 0.4197182767681244,
  "fber": 230684.359375,
  "fd_mean": 0.13663829877978922,
  "fd_num": 18,
  "fd_perc": 13.333333333333334,
  "fwhm_avg": 1.962189200908572,
  "fwhm_x": 1.9124933333333332,
  "fwhm_y": 2.1077166666666667,
  "fwhm_z": 1.8663576027257167,
  "gcor": 0.0199523,
  "gsr_x": -0.02016996033489704,
  "gsr_y": 0.014032432809472084,
  "provenance": {
    "md5sum": "9537b491c4d3b43b35b48430a0dec3f1",
    "settings": {
      "fd_thres": 0.2,
      "testing": false
    },
    "software": "mriqc",
    "version": "22.0.0rc1",
    "webapi_port": null,
    "webapi_url": "https://mriqc.nimh.nih.gov/api/v1"
  },
  "size_t": 135,
  "size_x": 80,
  "size_y": 80,
  "size_z": 36,
  "snr": 6.081777424327734,
  "spacing_tr": 2.0,
  "spacing_x": 3.0,
  "spacing_y": 3.0,
  "spacing_z": 3.299999952316284,
  "summary_bg_k": 83.96621869995711,
  "summary_bg_mad": 57.26543857987635,
  "summary_bg_mean": 500.99896240234375,
  "summary_bg_median": 54.300506591796875,
  "summary_bg_n": 156354.0,
  "summary_bg_p05": 6.171732544898988,
  "summary_bg_p95": 2402.83504638672,
  "summary_bg_stdv": 1442.439697265625,
  "summary_fg_k": 1.9089992995017298,
  "summary_fg_mad": 4001.48402574373,
  "summary_fg_mean": 26771.626953125,
  "summary_fg_median": 26301.44140625,
  "summary_fg_n": 34412.0,
  "summary_fg_p05": 20850.059375,
  "summary_fg_p95": 34208.890625,
  "summary_fg_stdv": 4324.56787109375,
  "tsnr": 91.42782592773438
}