{
  "aor": 0.005197466063348416,
  "aqi": 0.003736231176470588,
  "bids_meta": {
    "AcquisitionNumber": 7,
    "BidsifyVersion": "0.3.5",
    "ConversionSoftware": "dcm2niix",
    "ConversionSoftwareVersion": "v1.0.20181125  GCC6.3.0",
    "EchoTime": 0.02763,
    "EffectiveEchoSpacing": 0.0006909035636805814,
    "FlipAngle": 76.1,
    "ImageComments": "PIOP2",
    "ImageOrientationPatientDICOM": [
      0.999458,
      0.0328012,
      0.00260974,
      -0.0324569,
      0.99579,
      -0.0857207
    ],
    "Manufacturer": "Philips",
    "NumberOfVolumesDiscardedByScanner": 2,
    "ParallelAcquisitionTechnique": "SENSE",
    "ParallelReductionFactorInPlane": 2,
    "PatientPosition": "HFS",
    "PhaseEncodingDirection": "j",
    "PhilipsRescaleIntercept": 0,
    "PhilipsRescaleSlope": 0.75995,
    "PhilipsScaleSlope": 0.0565835,
    "ProtocolName": "WIPtask-stop_boldSENSE",
    "PulseSequenceType": "gradient echo EPI",
    "ReconMatrixPE": 80,
    "RepetitionTime": 2,
    "SeriesDescription": "ImageMRSERIES",
    "SeriesNumber": 7,
    "SliceEncodingDirection": "k",
    "SliceTiming": [
      0.0,
      0.0556,
      0.1111,
      0.1667,
      0.2222,
      0.2778,
      0.3333,
      0.3889,
      0.4444,
      0.5,
      0.5556,
      0.6111,
      0.6667,
      0.7222,
      0.7778,
      0.8333,
      0.8889,
      0.9444,
      1.0,
      1.0556,
      1.1111,
      1.1667,
      1.2222,
      1.2778,
      1.3333,
      1.3889,
      1.4444,
      1.5,
      1.5556,
      1.6111,
      1.6667,
      1.7222,
      1.7778,
      1.8333,
      1.8889,
      1.9444
    ],
    "TaskName": "stopsignal",
    "TotalReadoutTime": 0.026945238983542674,
    "UsePhilipsFloatNotDisplayScaling": 1,
    "WaterFatShift": 12,
    "acq_id": "seq",
    "dataset": "ds002790",
    "modality": "bold",
    "subject_id": "0191",
    "task_id": "stopsignal"
  },
  "dummy_trs": 0,
  "dvars_nstd": 20.019652843545447,
  "dvars_std": 1.377885628136364,
  "dvars_vstd": 1.0677433458181815,
  "efc": 0.4190001694207857,
  "fber": 235391.8125,
  "fd_mean": 0.12254448153435094,
  "fd_num": 17,
  "fd_perc": 7.6923076923076925,
  "fwhm_avg": 1.9547747564774536,
  "fwhm_x": 1.90715,
  "fwhm_y": 2.08805,
  "fwhm_z": 1.8691242694323609,
  "gcor": 0.0239519,
  "gsr_x": -0.019938791170716286,
  "gsr_y": 0.014155469834804535,
  "provenance": {
    "md5sum": "e1167925dfe519e6c292de07ac363d7a",
    "settings": {
      "fd_thres": 0.2,
      "testing": false
    },
    "software": "mriqc",
    "version": "22.0.0rc1",
    "webapi_port": null,
    "webapi_url": "https://mriqc.nimh.nih.gov/api/v1"
  },
  "size_t": 221,
  "size_x": 80,
  "size_y": 80,
  "size_z": 36,
  "snr": 6.08589115781894,
  "spacing_tr": 2.0,
  "spacing_x": 3.0,
  "spacing_y": 3.0,
  "spacing_z": 3.299999952316284,
  "summary_bg_k": 87.20190421046243,
  "summary_bg_mad": 56.61605355970113,
  "summary_bg_mean": 500.80609130859375,
  "summary_bg_median": 53.75758361816406,
  "summary_bg_n": 156378.0,
  "summary_bg_p05": 5.578730916976929,
  "summary_bg_p95": 2384.1599609375,
  "summary_bg_stdv": 1452.1561279296875,
  "summary_fg_k": 1.9391087074722373,
  "summary_fg_mad": 3990.273294320011,
  "summary_fg_mean": 26865.13671875,
  "summary_fg_median": 26361.421875,
  "summary_fg_n": 34296.0,
  "summary_fg_p05": 20988.173828125,
  "summary_fg_p95": 34393.783203125,
  "summary_fg_stdv": 4331.5,
  "tsnr": 103.9308853149414
}