{
  "bids_meta": {
    "AcquisitionNumber": 2,
    "BidsifyVersion": "0.3.5",
    "ConversionSoftware": "dcm2niix",
    "ConversionSoftwareVersion": "v1.0.20181125  GCC6.3.0",
    "EchoTime": 0.00384,
    "ImageComments": "PIOP2",
    "ImageOrientationPatientDICOM": [
      0.993894,
      -0.109181,
      0.0159761,
      0.106567,
      0.98732,
      0.117658
    ],
    "Manufacturer": "Philips",
    "NumberSignalAcquisitions": 2,
    "PatientPosition": "HFS",
    "PhilipsRescaleIntercept": 0,
    "PhilipsRescaleSlope": 9.41221,
    "PhilipsScaleSlope": 0.00743742,
    "ProtocolName": "WIPT1anat_acq-6m_T1wSENSE",
    "ReconMatrixPE": 240,
    "RepetitionTime": 0.0083,
    "SeriesDescription": "ImageMRSERIES",
    "SeriesNumber": 2,
    "UsePhilipsFloatNotDisplayScaling": 1,
    "dataset": "ds002790",
    "modality": "T1w",
    "subject_id": "0199"
  },
  "cjv": 0.2686912301968119,
  "cnr": 4.412449888204068,
  "efc": 0.7547048825278903,
  "fber": 1760.4837646484375,
  "fwhm_avg": 4.406340179922194,
  "fwhm_x": 4.16324,
  "fwhm_y": 4.4234702636593735,
  "fwhm_z": 4.632310276107209,
  "icvs_csf": 0.23821848593955092,
  "icvs_gm": 0.405002009936431,
  "icvs_wm": 0.3567795041240181,
  "inu_med": 1.7296454906463623,
  "inu_range": 0.39681758880615225,
  "provenance": {
    "md5sum": "9197c9adcb00c1309b32dd74ea637c0d",
    "settings": {
      "testing": false
    },
    "software": "mriqc",
    "version": "22.0.0rc1",
    "warnings": {
      "large_rot_frame": true,
      "small_air_mask": true
    },
    "webapi_port": null,
    "webapi_url": "https://mriqc.nimh.nih.gov/api/v1"
  },
  "qi_1": 0.0,
  "qi_2": 7.193297748890442e-05,
  "rpve_csf": 26.29178129226492,
  "rpve_gm": 15.724046642840868,
  "rpve_wm": 23.014377285531978,
  "size_x": 240,
  "size_y": 240,
  "size_z": 220,
  "snr_csf": 2.0800883262625316,
  "snr_gm": 8.945710463394715,
  "snr_total": 12.0097102390815,
  "snr_wm": 25.003331927587247,
  "snrd_csf": 26.6907719363916,
  "snrd_gm": 51.85691780703309,
  "snrd_total": 53.29110131374798,
  "snrd_wm": 81.32561419781923,
  "spacing_x": 1.0,
  "spacing_y": 0.9999999403953552,
  "spacing_z": 0.9999999403953552,
  "summary_bg_k": 26.434424604040128,
  "summary_bg_mad": 8.055698375286905,
  "summary_bg_mean": 8.296059608459473,
  "summary_bg_median": 5.582178115844727,
  "summary_bg_n": 158257.0,
  "summary_bg_p05": 0.0,
  "summary_bg_p95": 22.068964385986327,
  "summary_bg_stdv": 7.984898567199707,
  "summary_csf_k": 68.50373722899806,
  "summary_csf_mad": 80.52433069230486,
  "summary_csf_mean": 322.54583740234375,
  "summary_csf_median": 328.19549560546875,
  "summary_csf_n": 12971.0,
  "summary_csf_p05": 131.48714447021484,
  "summary_csf_p95": 447.9059600830078,
  "summary_csf_stdv": 157.7735137939453,
  "summary_gm_k": 1.1835104683749575,
  "summary_gm_mad": 62.4011383574332,
  "summary_gm_mean": 644.0712280273438,
  "summary_gm_median": 637.6438598632812,
  "summary_gm_n": 20887.0,
  "summary_gm_p05": 541.0752319335937,
  "summary_gm_p95": 774.1752136230468,
  "summary_gm_stdv": 71.27758026123047,
  "summary_wm_k": 1.1818449885009663,
  "summary_wm_mad": 34.96005712237654,
  "summary_wm_mean": 997.53515625,
  "summary_wm_median": 999.997314453125,
  "summary_wm_n": 190498.0,
  "summary_wm_p05": 927.0859191894531,
  "summary_wm_p95": 1058.336688232422,
  "summary_wm_stdv": 39.99445724487305,
  "tpm_overlap_csf": 0.15878430008888245,
  "tpm_overlap_gm": 0.4463580548763275,
  "tpm_overlap_wm": 0.5021751523017883,
  "wm2max": 0.746322386860581
}