{
  "bids_meta": {
    "AcquisitionNumber": 2,
    "BidsifyVersion": "0.3.5",
    "ConversionSoftware": "dcm2niix",
    "ConversionSoftwareVersion": "v1.0.20181125  GCC6.3.0",
    "EchoTime": 0.00375,
    "ImageComments": "PIOP2",
    "ImageOrientationPatientDICOM": [
      0.999566,
      0.0132681,
      -0.0262822,
      -0.014132,
      0.999357,
      -0.0329614
    ],
    "Manufacturer": "Philips",
    "NumberSignalAcquisitions": 2,
    "PatientPosition": "HFS",
    "PhilipsRescaleIntercept": 0,
    "PhilipsRescaleSlope": 8.49255,
    "PhilipsScaleSlope": 0.00779592,
    "ProtocolName": "WIPT1anat_acq-6m_T1wSENSE",
    "ReconMatrixPE": 240,
    "RepetitionTime": 0.008199,
    "SeriesDescription": "ImageMRSERIES",
    "SeriesNumber": 2,
    "UsePhilipsFloatNotDisplayScaling": 1,
    "dataset": "ds002790",
    "modality": "T1w",
    "subject_id": "0060"
  },
  "cjv": 0.2519936992288423,
  "cnr": 4.926684561392614,
  "efc": 0.748595984868396,
  "fber": 1800.62890625,
  "fwhm_avg": 4.989423333333334,
  "fwhm_x": 4.67501,
  "fwhm_y": 4.88361,
  "fwhm_z": 5.40965,
  "icvs_csf": 0.28244673029054673,
  "icvs_gm": 0.36061340125595903,
  "icvs_wm": 0.3569398684534943,
  "inu_med": 1.4448490142822266,
  "inu_range": 0.2517590582370757,
  "provenance": {
    "md5sum": "7052ae48b31e5d989aa999360b55dfe1",
    "settings": {
      "testing": false
    },
    "software": "mriqc",
    "version": "22.0.0rc1",
    "warnings": {
      "large_rot_frame": true,
      "small_air_mask": true
    },
    "webapi_port": null,
    "webapi_url": "https://mriqc.nimh.nih.gov/api/v1"
  },
  "qi_1": 0.0,
  "qi_2": 6.37919282975205e-05,
  "rpve_csf": 24.90433845111092,
  "rpve_gm": 17.387771906569434,
  "rpve_wm": 23.5371787117105,
  "size_x": 240,
  "size_y": 240,
  "size_z": 220,
  "snr_csf": 3.447054367166033,
  "snr_gm": 11.173624441542007,
  "snr_total": 13.385138363406616,
  "snr_wm": 25.53473628151181,
  "snrd_csf": 25.743864937826004,
  "snrd_gm": 55.628720046246976,
  "snrd_total": 55.63496374974378,
  "snrd_wm": 85.53230626515837,
  "spacing_x": 1.0,
  "spacing_y": 1.0,
  "spacing_z": 1.0,
  "summary_bg_k": 35.14491767104447,
  "summary_bg_mad": 7.659504655092713,
  "summary_bg_mean": 11.239253044128418,
  "summary_bg_median": 10.33675479888916,
  "summary_bg_n": 207473.0,
  "summary_bg_p05": 0.0,
  "summary_bg_p95": 26.48515930175781,
  "summary_bg_stdv": 10.694626808166504,
  "summary_csf_k": -0.4838626015126879,
  "summary_csf_mad": 90.94867393674173,
  "summary_csf_mean": 291.06182861328125,
  "summary_csf_median": 300.9835205078125,
  "summary_csf_n": 26422.0,
  "summary_csf_p05": 136.62130889892578,
  "summary_csf_p95": 418.47442474365226,
  "summary_csf_stdv": 87.31449890136719,
  "summary_gm_k": 0.9252966934411684,
  "summary_gm_mad": 52.9112715814993,
  "summary_gm_mean": 653.24658203125,
  "summary_gm_median": 650.3812866210938,
  "summary_gm_n": 16133.0,
  "summary_gm_p05": 564.0419311523438,
  "summary_gm_p95": 753.80615234375,
  "summary_gm_stdv": 58.20502853393555,
  "summary_wm_k": 1.7671743467066898,
  "summary_wm_mad": 35.189949147285816,
  "summary_wm_mean": 998.0054321289062,
  "summary_wm_median": 999.998046875,
  "summary_wm_n": 196228.0,
  "summary_wm_p05": 929.7986724853515,
  "summary_wm_p95": 1057.376904296875,
  "summary_wm_stdv": 39.16216278076172,
  "tpm_overlap_csf": 0.16239869594573975,
  "tpm_overlap_gm": 0.4132367670536041,
  "tpm_overlap_wm": 0.5087464451789856,
  "wm2max": 0.7983039881318003
}