{
  "aor": 0.0027902666666666668,
  "aqi": 0.003385237955555555,
  "bids_meta": {
    "AcquisitionNumber": 7,
    "BidsifyVersion": "0.3.5",
    "ConversionSoftware": "dcm2niix",
    "ConversionSoftwareVersion": "v1.0.20181125  GCC6.3.0",
    "EchoTime": 0.02763,
    "EffectiveEchoSpacing": 0.0006909035636805814,
    "FlipAngle": 76.1,
    "ImageComments": "PIOP2",
    "ImageOrientationPatientDICOM": [
      0.999964,
      -0.00207578,
      -0.00820767,
      0.00209432,
      0.999995,
      0.00225174
    ],
    "Manufacturer": "Philips",
    "NumberOfVolumesDiscardedByScanner": 2,
    "ParallelAcquisitionTechnique": "SENSE",
    "ParallelReductionFactorInPlane": 2,
    "PatientPosition": "HFS",
    "PhaseEncodingDirection": "j",
    "PhilipsRescaleIntercept": 0,
    "PhilipsRescaleSlope": 0.75629,
    "PhilipsScaleSlope": 0.0555653,
    "ProtocolName": "WIPtask-stop_boldSENSE",
    "PulseSequenceType": "gradient echo EPI",
    "ReconMatrixPE": 80,
    "RepetitionTime": 2,
    "SeriesDescription": "ImageMRSERIES",
    "SeriesNumber": 7,
    "SliceEncodingDirection": "k",
    "SliceTiming": [
      0.0,
      0.0556,
      0.1111,
      0.1667,
      0.2222,
      0.2778,
      0.3333,
      0.3889,
      0.4444,
      0.5,
      0.5556,
      0.6111,
      0.6667,
      0.7222,
      0.7778,
      0.8333,
      0.8889,
      0.9444,
      1.0,
      1.0556,
      1.1111,
      1.1667,
      1.2222,
      1.2778,
      1.3333,
      1.3889,
      1.4444,
      1.5,
      1.5556,
      1.6111,
      1.6667,
      1.7222,
      1.7778,
      1.8333,
      1.8889,
      1.9444
    ],
    "TaskName": "stopsignal",
    "TotalReadoutTime": 0.026945238983542674,
    "UsePhilipsFloatNotDisplayScaling": 1,
    "WaterFatShift": 12,
    "acq_id": "seq",
    "dataset": "ds002790",
    "modality": "bold",
    "subject_id": "0141",
    "task_id": "stopsignal"
  },
  "dummy_trs": 0,
  "dvars_nstd": 16.212363396473215,
  "dvars_std": 1.2245066152678572,
  "dvars_vstd": 1.0197082192410711,
  "efc": 0.4407227416100225,
  "fber": 220952.796875,
  "fd_mean": 0.10690550819727686,
  "fd_num": 9,
  "fd_perc": 4.0,
  "fwhm_avg": 2.104526372906154,
  "fwhm_x": 2.0292333333333334,
  "fwhm_y": 2.35977,
  "fwhm_z": 1.9245757853851286,
  "gcor": 0.0174111,
  "gsr_x": -0.019952967762947083,
  "gsr_y": 0.020509328693151474,
  "provenance": {
    "md5sum": "085d6eb678bef23c96a20e1fac74110d",
    "settings": {
      "fd_thres": 0.2,
      "testing": false
    },
    "software": "mriqc",
    "version": "22.0.0rc1",
    "webapi_port": null,
    "webapi_url": "https://mriqc.nimh.nih.gov/api/v1"
  },
  "size_t": 225,
  "size_x": 80,
  "size_y": 80,
  "size_z": 36,
  "snr": 5.86226175919204,
  "spacing_tr": 2.0,
  "spacing_x": 3.0,
  "spacing_y": 3.0,
  "spacing_z": 3.299999952316284,
  "summary_bg_k": 58.32529276644947,
  "summary_bg_mad": 61.949984873202425,
  "summary_bg_mean": 773.1680297851562,
  "summary_bg_median": 55.03628158569336,
  "summary_bg_n": 154592.0,
  "summary_bg_p05": 5.09198591709137,
  "summary_bg_p95": 4371.314843749999,
  "summary_bg_stdv": 2117.4267578125,
  "summary_fg_k": 1.8749622016618819,
  "summary_fg_mad": 4021.824922782583,
  "summary_fg_mean": 26781.09765625,
  "summary_fg_median": 26519.1796875,
  "summary_fg_n": 35169.0,
  "summary_fg_p05": 19873.506640625,
  "summary_fg_p95": 33926.28359375,
  "summary_fg_stdv": 4523.64697265625,
  "tsnr": 107.39682006835938
}