{
  "aor": 0.002701125,
  "aqi": 0.0024130151875,
  "bids_meta": {
    "AcquisitionNumber": 3,
    "BidsifyVersion": "0.3.5",
    "ConversionSoftware": "dcm2niix",
    "ConversionSoftwareVersion": "v1.0.20181125  GCC6.3.0",
    "EchoTime": 0.02763,
    "EffectiveEchoSpacing": 0.0006909035636805814,
    "FlipAngle": 76.1,
    "ImageComments": "PIOP2",
    "ImageOrientationPatientDICOM": [
      0.999964,
      -0.00207578,
      -0.00820767,
      0.00209432,
      0.999995,
      0.00225174
    ],
    "Manufacturer": "Philips",
    "NumberOfVolumesDiscardedByScanner": 2,
    "ParallelAcquisitionTechnique": "SENSE",
    "ParallelReductionFactorInPlane": 2,
    "PatientPosition": "HFS",
    "PhaseEncodingDirection": "j",
    "PhilipsRescaleIntercept": 0,
    "PhilipsRescaleSlope": 0.77167,
    "PhilipsScaleSlope": 0.0538236,
    "ProtocolName": "WIPtask-wm_boldSENSE",
    "PulseSequenceType": "gradient echo EPI",
    "ReconMatrixPE": 80,
    "RepetitionTime": 2,
    "SeriesDescription": "ImageMRSERIES",
    "SeriesNumber": 3,
    "SliceEncodingDirection": "k",
    "SliceTiming": [
      0.0,
      0.0556,
      0.1111,
      0.1667,
      0.2222,
      0.2778,
      0.3333,
      0.3889,
      0.4444,
      0.5,
      0.5556,
      0.6111,
      0.6667,
      0.7222,
      0.7778,
      0.8333,
      0.8889,
      0.9444,
      1.0,
      1.0556,
      1.1111,
      1.1667,
      1.2222,
      1.2778,
      1.3333,
      1.3889,
      1.4444,
      1.5,
      1.5556,
      1.6111,
      1.6667,
      1.7222,
      1.7778,
      1.8333,
      1.8889,
      1.9444
    ],
    "TaskName": "workingmemory",
    "TotalReadoutTime": 0.026945238983542674,
    "UsePhilipsFloatNotDisplayScaling": 1,
    "WaterFatShift": 12,
    "acq_id": "seq",
    "dataset": "ds002790",
    "modality": "bold",
    "subject_id": "0141",
    "task_id": "workingmemory"
  },
  "dummy_trs": 0,
  "dvars_nstd": 14.78411075899371,
  "dvars_std": 1.1907156295597487,
  "dvars_vstd": 1.0199014394339625,
  "efc": 0.43824691277938843,
  "fber": 226039.09375,
  "fd_mean": 0.08137186698087896,
  "fd_num": 1,
  "fd_perc": 0.625,
  "fwhm_avg": 2.1002067769143893,
  "fwhm_x": 2.02779,
  "fwhm_y": 2.3549333333333333,
  "fwhm_z": 1.917896997409835,
  "gcor": 0.0225346,
  "gsr_x": -0.019620204344391823,
  "gsr_y": 0.020091943442821503,
  "provenance": {
    "md5sum": "4e3fa043ee78e09cf275a7068e261e37",
    "settings": {
      "fd_thres": 0.2,
      "testing": false
    },
    "software": "mriqc",
    "version": "22.0.0rc1",
    "webapi_port": null,
    "webapi_url": "https://mriqc.nimh.nih.gov/api/v1"
  },
  "size_t": 160,
  "size_x": 80,
  "size_y": 80,
  "size_z": 36,
  "snr": 5.748302155988015,
  "spacing_tr": 2.0,
  "spacing_x": 3.0,
  "spacing_y": 3.0,
  "spacing_z": 3.299999952316284,
  "summary_bg_k": 58.28949217360223,
  "summary_bg_mad": 61.67197857627708,
  "summary_bg_mean": 758.2239379882812,
  "summary_bg_median": 54.553466796875,
  "summary_bg_n": 154845.0,
  "summary_bg_p05": 4.4853022575378425,
  "summary_bg_p95": 4199.804003906249,
  "summary_bg_stdv": 2100.203125,
  "summary_fg_k": 2.2085988135462173,
  "summary_fg_mad": 4076.805720287985,
  "summary_fg_mean": 26941.77734375,
  "summary_fg_median": 26619.443359375,
  "summary_fg_n": 34945.0,
  "summary_fg_p05": 20041.15703125,
  "summary_fg_p95": 34297.75546875,
  "summary_fg_stdv": 4630.76953125,
  "tsnr": 120.306884765625
}