{
  "aor": 0.0018048333333333332,
  "aqi": 0.0031888110833333335,
  "bids_meta": {
    "AcquisitionNumber": 4,
    "BidsifyVersion": "0.3.5",
    "ConversionSoftware": "dcm2niix",
    "ConversionSoftwareVersion": "v1.0.20181125  GCC6.3.0",
    "EchoTime": 0.02763,
    "EffectiveEchoSpacing": 0.0006909035636805814,
    "FlipAngle": 76.1,
    "ImageComments": "PIOP2",
    "ImageOrientationPatientDICOM": [
      0.999964,
      -0.00207578,
      -0.00820767,
      0.00209432,
      0.999995,
      0.00225174
    ],
    "Manufacturer": "Philips",
    "NumberOfVolumesDiscardedByScanner": 2,
    "ParallelAcquisitionTechnique": "SENSE",
    "ParallelReductionFactorInPlane": 2,
    "PatientPosition": "HFS",
    "PhaseEncodingDirection": "j",
    "PhilipsRescaleIntercept": 0,
    "PhilipsRescaleSlope": 0.76947,
    "PhilipsScaleSlope": 0.0534518,
    "ProtocolName": "WIPtask-rest_boldSENSE",
    "PulseSequenceType": "gradient echo EPI",
    "ReconMatrixPE": 80,
    "RepetitionTime": 2,
    "SeriesDescription": "ImageMRSERIES",
    "SeriesNumber": 4,
    "SliceEncodingDirection": "k",
    "SliceTiming": [
      0.0,
      0.0556,
      0.1111,
      0.1667,
      0.2222,
      0.2778,
      0.3333,
      0.3889,
      0.4444,
      0.5,
      0.5556,
      0.6111,
      0.6667,
      0.7222,
      0.7778,
      0.8333,
      0.8889,
      0.9444,
      1.0,
      1.0556,
      1.1111,
      1.1667,
      1.2222,
      1.2778,
      1.3333,
      1.3889,
      1.4444,
      1.5,
      1.5556,
      1.6111,
      1.6667,
      1.7222,
      1.7778,
      1.8333,
      1.8889,
      1.9444
    ],
    "TaskName": "restingstate",
    "TotalReadoutTime": 0.026945238983542674,
    "UsePhilipsFloatNotDisplayScaling": 1,
    "WaterFatShift": 12,
    "acq_id": "seq",
    "dataset": "ds002790",
    "modality": "bold",
    "subject_id": "0141",
    "task_id": "restingstate"
  },
  "dummy_trs": 0,
  "dvars_nstd": 18.28353303648536,
  "dvars_std": 1.29267478209205,
  "dvars_vstd": 1.0115022242677822,
  "efc": 0.43856232309078474,
  "fber": 222624.0625,
  "fd_mean": 0.12625335996919496,
  "fd_num": 14,
  "fd_perc": 5.833333333333333,
  "fwhm_avg": 2.0890364738059417,
  "fwhm_x": 2.0219066666666667,
  "fwhm_y": 2.34353,
  "fwhm_z": 1.9016727547511587,
  "gcor": 0.0294369,
  "gsr_x": -0.01962128095328808,
  "gsr_y": 0.020624525845050812,
  "provenance": {
    "md5sum": "94b34efa72a9b0ff08070b157d495572",
    "settings": {
      "fd_thres": 0.2,
      "testing": false
    },
    "software": "mriqc",
    "version": "22.0.0rc1",
    "webapi_port": null,
    "webapi_url": "https://mriqc.nimh.nih.gov/api/v1"
  },
  "size_t": 240,
  "size_x": 80,
  "size_y": 80,
  "size_z": 36,
  "snr": 5.753745695850243,
  "spacing_tr": 2.0,
  "spacing_x": 3.0,
  "spacing_y": 3.0,
  "spacing_z": 3.299999952316284,
  "summary_bg_k": 68.99561212564751,
  "summary_bg_mad": 61.78381820724477,
  "summary_bg_mean": 762.9768676757812,
  "summary_bg_median": 54.88589859008789,
  "summary_bg_n": 154825.0,
  "summary_bg_p05": 5.080256748199463,
  "summary_bg_p95": 4234.784570312499,
  "summary_bg_stdv": 2129.298095703125,
  "summary_fg_k": 2.2141786078317462,
  "summary_fg_mad": 4062.263477433815,
  "summary_fg_mean": 26892.40625,
  "summary_fg_median": 26554.05078125,
  "summary_fg_n": 34982.0,
  "summary_fg_p05": 20000.5919921875,
  "summary_fg_p95": 34216.95507812499,
  "summary_fg_stdv": 4615.0234375,
  "tsnr": 107.55309295654297
}