{
  "aor": 0.004755481481481482,
  "aqi": 0.0028261947407407406,
  "bids_meta": {
    "AcquisitionNumber": 8,
    "BidsifyVersion": "0.3.5",
    "ConversionSoftware": "dcm2niix",
    "ConversionSoftwareVersion": "v1.0.20181125  GCC6.3.0",
    "EchoTime": 0.02763,
    "EffectiveEchoSpacing": 0.0006909035636805814,
    "FlipAngle": 76.1,
    "ImageComments": "PIOP2",
    "ImageOrientationPatientDICOM": [
      0.999964,
      -0.00207578,
      -0.00820767,
      0.00209432,
      0.999995,
      0.00225174
    ],
    "Manufacturer": "Philips",
    "NumberOfVolumesDiscardedByScanner": 2,
    "ParallelAcquisitionTechnique": "SENSE",
    "ParallelReductionFactorInPlane": 2,
    "PatientPosition": "HFS",
    "PhaseEncodingDirection": "j",
    "PhilipsRescaleIntercept": 0,
    "PhilipsRescaleSlope": 0.77485,
    "PhilipsScaleSlope": 0.0530543,
    "ProtocolName": "WIPtask-harriri_boldSENSE",
    "PulseSequenceType": "gradient echo EPI",
    "ReconMatrixPE": 80,
    "RepetitionTime": 2,
    "SeriesDescription": "ImageMRSERIES",
    "SeriesNumber": 8,
    "SliceEncodingDirection": "k",
    "SliceTiming": [
      0.0,
      0.0556,
      0.1111,
      0.1667,
      0.2222,
      0.2778,
      0.3333,
      0.3889,
      0.4444,
      0.5,
      0.5556,
      0.6111,
      0.6667,
      0.7222,
      0.7778,
      0.8333,
      0.8889,
      0.9444,
      1.0,
      1.0556,
      1.1111,
      1.1667,
      1.2222,
      1.2778,
      1.3333,
      1.3889,
      1.4444,
      1.5,
      1.5556,
      1.6111,
      1.6667,
      1.7222,
      1.7778,
      1.8333,
      1.8889,
      1.9444
    ],
    "TaskName": "emomatching",
    "TotalReadoutTime": 0.026945238983542674,
    "UsePhilipsFloatNotDisplayScaling": 1,
    "WaterFatShift": 12,
    "acq_id": "seq",
    "dataset": "ds002790",
    "modality": "bold",
    "subject_id": "0141",
    "task_id": "emomatching"
  },
  "dummy_trs": 0,
  "dvars_nstd": 16.33243157955224,
  "dvars_std": 1.2481694360447764,
  "dvars_vstd": 1.052817236044776,
  "efc": 0.44005427112114437,
  "fber": 220824.9375,
  "fd_mean": 0.10876008409172637,
  "fd_num": 2,
  "fd_perc": 1.4814814814814814,
  "fwhm_avg": 2.111668999196818,
  "fwhm_x": 2.03851,
  "fwhm_y": 2.3661,
  "fwhm_z": 1.9303969975904551,
  "gcor": 0.0250277,
  "gsr_x": -0.020196862518787384,
  "gsr_y": 0.02025853656232357,
  "provenance": {
    "md5sum": "dec967d1c38a6eaa16431379eeff268e",
    "settings": {
      "fd_thres": 0.2,
      "testing": false
    },
    "software": "mriqc",
    "version": "22.0.0rc1",
    "webapi_port": null,
    "webapi_url": "https://mriqc.nimh.nih.gov/api/v1"
  },
  "size_t": 135,
  "size_x": 80,
  "size_y": 80,
  "size_z": 36,
  "snr": 5.746607163904532,
  "spacing_tr": 2.0,
  "spacing_x": 3.0,
  "spacing_y": 3.0,
  "spacing_z": 3.299999952316284,
  "summary_bg_k": 56.51676157089245,
  "summary_bg_mad": 62.46527516700507,
  "summary_bg_mean": 774.1673583984375,
  "summary_bg_median": 55.24753189086914,
  "summary_bg_n": 154729.0,
  "summary_bg_p05": 4.899010372161865,
  "summary_bg_p95": 4373.270117187504,
  "summary_bg_stdv": 2104.240478515625,
  "summary_fg_k": 2.09194128174585,
  "summary_fg_mad": 4095.908702388535,
  "summary_fg_mean": 26935.896484375,
  "summary_fg_median": 26620.34765625,
  "summary_fg_n": 35055.0,
  "summary_fg_p05": 19980.1630859375,
  "summary_fg_p95": 34275.608203125,
  "summary_fg_stdv": 4632.29296875,
  "tsnr": 112.54581451416016
}