{
  "aor": 0.00900820895522388,
  "aqi": 0.005447081940298506,
  "bids_meta": {
    "AcquisitionNumber": 8,
    "BidsifyVersion": "0.3.5",
    "ConversionSoftware": "dcm2niix",
    "ConversionSoftwareVersion": "v1.0.20181125  GCC6.3.0",
    "EchoTime": 0.02763,
    "EffectiveEchoSpacing": 0.0006909035636805814,
    "FlipAngle": 76.1,
    "ImageComments": "PIOP2",
    "ImageOrientationPatientDICOM": [
      0.99855,
      0.0446012,
      -0.0301383,
      -0.0418517,
      0.99538,
      0.086407
    ],
    "Manufacturer": "Philips",
    "NumberOfVolumesDiscardedByScanner": 2,
    "ParallelAcquisitionTechnique": "SENSE",
    "ParallelReductionFactorInPlane": 2,
    "PatientPosition": "HFS",
    "PhaseEncodingDirection": "j",
    "PhilipsRescaleIntercept": 0,
    "PhilipsRescaleSlope": 0.85446,
    "PhilipsScaleSlope": 0.0480212,
    "ProtocolName": "WIPtask-harriri_boldSENSE",
    "PulseSequenceType": "gradient echo EPI",
    "ReconMatrixPE": 80,
    "RepetitionTime": 2,
    "SeriesDescription": "ImageMRSERIES",
    "SeriesNumber": 8,
    "SliceEncodingDirection": "k",
    "SliceTiming": [
      0.0,
      0.0556,
      0.1111,
      0.1667,
      0.2222,
      0.2778,
      0.3333,
      0.3889,
      0.4444,
      0.5,
      0.5556,
      0.6111,
      0.6667,
      0.7222,
      0.7778,
      0.8333,
      0.8889,
      0.9444,
      1.0,
      1.0556,
      1.1111,
      1.1667,
      1.2222,
      1.2778,
      1.3333,
      1.3889,
      1.4444,
      1.5,
      1.5556,
      1.6111,
      1.6667,
      1.7222,
      1.7778,
      1.8333,
      1.8889,
      1.9444
    ],
    "TaskName": "emomatching",
    "TotalReadoutTime": 0.026945238983542674,
    "UsePhilipsFloatNotDisplayScaling": 1,
    "WaterFatShift": 12,
    "acq_id": "seq",
    "dataset": "ds002790",
    "modality": "bold",
    "subject_id": "0178",
    "task_id": "emomatching"
  },
  "dummy_trs": 1,
  "dvars_nstd": 16.885580959022562,
  "dvars_std": 1.2191341826315798,
  "dvars_vstd": 1.0686386789473683,
  "efc": 0.4482827440966696,
  "fber": 224972.875,
  "fd_mean": 0.1145525593139632,
  "fd_num": 10,
  "fd_perc": 7.462686567164179,
  "fwhm_avg": 2.002176372689089,
  "fwhm_x": 1.9845899999999999,
  "fwhm_y": 2.14243,
  "fwhm_z": 1.8795091180672663,
  "gcor": 0.0818681,
  "gsr_x": -0.009410589933395386,
  "gsr_y": 0.012255048379302025,
  "provenance": {
    "md5sum": "e8e68a73b976f657b1f33bce18d4922f",
    "settings": {
      "fd_thres": 0.2,
      "testing": false
    },
    "software": "mriqc",
    "version": "22.0.0rc1",
    "webapi_port": null,
    "webapi_url": "https://mriqc.nimh.nih.gov/api/v1"
  },
  "size_t": 134,
  "size_x": 80,
  "size_y": 80,
  "size_z": 36,
  "snr": 5.682282659938544,
  "spacing_tr": 2.0,
  "spacing_x": 3.0,
  "spacing_y": 3.0,
  "spacing_z": 3.299999952316284,
  "summary_bg_k": 83.1874372611988,
  "summary_bg_mad": 68.10477360635036,
  "summary_bg_mean": 730.0330810546875,
  "summary_bg_median": 58.815067291259766,
  "summary_bg_n": 151158.0,
  "summary_bg_p05": 5.423910856246948,
  "summary_bg_p95": 3721.2885498046876,
  "summary_bg_stdv": 2034.8099365234375,
  "summary_fg_k": 1.5335467887000664,
  "summary_fg_mad": 4701.779021683527,
  "summary_fg_mean": 28853.61328125,
  "summary_fg_median": 28354.400390625,
  "summary_fg_n": 38278.0,
  "summary_fg_p05": 21794.25791015625,
  "summary_fg_p95": 37415.770898437506,
  "summary_fg_stdv": 4989.9013671875,
  "tsnr": 76.65117645263672
}