{
  "aor": 0.0018820833333333333,
  "aqi": 0.0031346694583333336,
  "bids_meta": {
    "AcquisitionNumber": 4,
    "BidsifyVersion": "0.3.5",
    "ConversionSoftware": "dcm2niix",
    "ConversionSoftwareVersion": "v1.0.20181125  GCC6.3.0",
    "EchoTime": 0.02763,
    "EffectiveEchoSpacing": 0.0006909035636805814,
    "FlipAngle": 76.1,
    "ImageComments": "PIOP2",
    "ImageOrientationPatientDICOM": [
      0.99855,
      0.0446012,
      -0.0301383,
      -0.0418517,
      0.99538,
      0.086407
    ],
    "Manufacturer": "Philips",
    "NumberOfVolumesDiscardedByScanner": 2,
    "ParallelAcquisitionTechnique": "SENSE",
    "ParallelReductionFactorInPlane": 2,
    "PatientPosition": "HFS",
    "PhaseEncodingDirection": "j",
    "PhilipsRescaleIntercept": 0,
    "PhilipsRescaleSlope": 0.85446,
    "PhilipsScaleSlope": 0.0470466,
    "ProtocolName": "WIPtask-rest_boldSENSE",
    "PulseSequenceType": "gradient echo EPI",
    "ReconMatrixPE": 80,
    "RepetitionTime": 2,
    "SeriesDescription": "ImageMRSERIES",
    "SeriesNumber": 4,
    "SliceEncodingDirection": "k",
    "SliceTiming": [
      0.0,
      0.0556,
      0.1111,
      0.1667,
      0.2222,
      0.2778,
      0.3333,
      0.3889,
      0.4444,
      0.5,
      0.5556,
      0.6111,
      0.6667,
      0.7222,
      0.7778,
      0.8333,
      0.8889,
      0.9444,
      1.0,
      1.0556,
      1.1111,
      1.1667,
      1.2222,
      1.2778,
      1.3333,
      1.3889,
      1.4444,
      1.5,
      1.5556,
      1.6111,
      1.6667,
      1.7222,
      1.7778,
      1.8333,
      1.8889,
      1.9444
    ],
    "TaskName": "restingstate",
    "TotalReadoutTime": 0.026945238983542674,
    "UsePhilipsFloatNotDisplayScaling": 1,
    "WaterFatShift": 12,
    "acq_id": "seq",
    "dataset": "ds002790",
    "modality": "bold",
    "subject_id": "0178",
    "task_id": "restingstate"
  },
  "dummy_trs": 0,
  "dvars_nstd": 17.166659630334724,
  "dvars_std": 1.267479936317992,
  "dvars_vstd": 1.0130038805439332,
  "efc": 0.44755594515004865,
  "fber": 221067.359375,
  "fd_mean": 0.13203089147542557,
  "fd_num": 44,
  "fd_perc": 18.333333333333332,
  "fwhm_avg": 1.9983650595239286,
  "fwhm_x": 1.97968,
  "fwhm_y": 2.142933333333333,
  "fwhm_z": 1.8724818452384522,
  "gcor": 0.052743,
  "gsr_x": -0.009414915926754475,
  "gsr_y": 0.012103927321732044,
  "provenance": {
    "md5sum": "0d53eca84d2d64b90dfc047cc19cddcb",
    "settings": {
      "fd_thres": 0.2,
      "testing": false
    },
    "software": "mriqc",
    "version": "22.0.0rc1",
    "webapi_port": null,
    "webapi_url": "https://mriqc.nimh.nih.gov/api/v1"
  },
  "size_t": 240,
  "size_x": 80,
  "size_y": 80,
  "size_z": 36,
  "snr": 5.676821265021893,
  "spacing_tr": 2.0,
  "spacing_x": 3.0,
  "spacing_y": 3.0,
  "spacing_z": 3.299999952316284,
  "summary_bg_k": 88.33866935901135,
  "summary_bg_mad": 69.82057430088369,
  "summary_bg_mean": 727.1008911132812,
  "summary_bg_median": 60.01169967651367,
  "summary_bg_n": 151245.0,
  "summary_bg_p05": 5.213901519775391,
  "summary_bg_p95": 3700.1930175781245,
  "summary_bg_stdv": 2036.287109375,
  "summary_fg_k": 1.7984333069001464,
  "summary_fg_mad": 4701.73124251047,
  "summary_fg_mean": 29206.140625,
  "summary_fg_median": 28731.2890625,
  "summary_fg_n": 38255.0,
  "summary_fg_p05": 22065.5009765625,
  "summary_fg_p95": 37877.19179687499,
  "summary_fg_stdv": 5061.091796875,
  "tsnr": 99.57478332519531
}