{
  "aor": 0.0025185625000000004,
  "aqi": 0.0027613885,
  "bids_meta": {
    "AcquisitionNumber": 3,
    "BidsifyVersion": "0.3.5",
    "ConversionSoftware": "dcm2niix",
    "ConversionSoftwareVersion": "v1.0.20181125  GCC6.3.0",
    "EchoTime": 0.02763,
    "EffectiveEchoSpacing": 0.0006909035636805814,
    "FlipAngle": 76.1,
    "ImageComments": "PIOP2",
    "ImageOrientationPatientDICOM": [
      0.99855,
      0.0446012,
      -0.0301383,
      -0.0418517,
      0.99538,
      0.086407
    ],
    "Manufacturer": "Philips",
    "NumberOfVolumesDiscardedByScanner": 2,
    "ParallelAcquisitionTechnique": "SENSE",
    "ParallelReductionFactorInPlane": 2,
    "PatientPosition": "HFS",
    "PhaseEncodingDirection": "j",
    "PhilipsRescaleIntercept": 0,
    "PhilipsRescaleSlope": 0.85348,
    "PhilipsScaleSlope": 0.0480826,
    "ProtocolName": "WIPtask-wm_boldSENSE",
    "PulseSequenceType": "gradient echo EPI",
    "ReconMatrixPE": 80,
    "RepetitionTime": 2,
    "SeriesDescription": "ImageMRSERIES",
    "SeriesNumber": 3,
    "SliceEncodingDirection": "k",
    "SliceTiming": [
      0.0,
      0.0556,
      0.1111,
      0.1667,
      0.2222,
      0.2778,
      0.3333,
      0.3889,
      0.4444,
      0.5,
      0.5556,
      0.6111,
      0.6667,
      0.7222,
      0.7778,
      0.8333,
      0.8889,
      0.9444,
      1.0,
      1.0556,
      1.1111,
      1.1667,
      1.2222,
      1.2778,
      1.3333,
      1.3889,
      1.4444,
      1.5,
      1.5556,
      1.6111,
      1.6667,
      1.7222,
      1.7778,
      1.8333,
      1.8889,
      1.9444
    ],
    "TaskName": "workingmemory",
    "TotalReadoutTime": 0.026945238983542674,
    "UsePhilipsFloatNotDisplayScaling": 1,
    "WaterFatShift": 12,
    "acq_id": "seq",
    "dataset": "ds002790",
    "modality": "bold",
    "subject_id": "0178",
    "task_id": "workingmemory"
  },
  "dummy_trs": 0,
  "dvars_nstd": 15.348254491446543,
  "dvars_std": 1.1819334739622644,
  "dvars_vstd": 1.0140241206289313,
  "efc": 0.447125402042472,
  "fber": 225863.578125,
  "fd_mean": 0.09685470646943797,
  "fd_num": 4,
  "fd_perc": 2.5,
  "fwhm_avg": 2.0264206152715034,
  "fwhm_x": 2.001446666666667,
  "fwhm_y": 2.1654666666666667,
  "fwhm_z": 1.9123485124811765,
  "gcor": 0.048452,
  "gsr_x": -0.009150718338787556,
  "gsr_y": 0.011578712612390518,
  "provenance": {
    "md5sum": "ff854fe5fea87807c78e3a290e2616b5",
    "settings": {
      "fd_thres": 0.2,
      "testing": false
    },
    "software": "mriqc",
    "version": "22.0.0rc1",
    "webapi_port": null,
    "webapi_url": "https://mriqc.nimh.nih.gov/api/v1"
  },
  "size_t": 160,
  "size_x": 80,
  "size_y": 80,
  "size_z": 36,
  "snr": 5.672609746419647,
  "spacing_tr": 2.0,
  "spacing_x": 3.0,
  "spacing_y": 3.0,
  "spacing_z": 3.299999952316284,
  "summary_bg_k": 79.23298059869278,
  "summary_bg_mad": 67.52777490998716,
  "summary_bg_mean": 706.7890014648438,
  "summary_bg_median": 58.560943603515625,
  "summary_bg_n": 151190.0,
  "summary_bg_p05": 5.1787590265274055,
  "summary_bg_p95": 3571.858666992185,
  "summary_bg_stdv": 1976.8555908203125,
  "summary_fg_k": 1.5108287589316598,
  "summary_fg_mad": 4709.972425935992,
  "summary_fg_mean": 28851.990234375,
  "summary_fg_median": 28381.1015625,
  "summary_fg_n": 38328.0,
  "summary_fg_p05": 21721.1099609375,
  "summary_fg_p95": 37385.30859375001,
  "summary_fg_stdv": 5003.1171875,
  "tsnr": 106.28376770019531
}