{
  "bids_meta": {
    "AcquisitionNumber": 2,
    "BidsifyVersion": "0.3.5",
    "ConversionSoftware": "dcm2niix",
    "ConversionSoftwareVersion": "v1.0.20181125  GCC6.3.0",
    "EchoTime": 0.00377,
    "ImageComments": "PIOP2",
    "ImageOrientationPatientDICOM": [
      0.998788,
      -0.0425328,
      -0.0247684,
      0.0402901,
      0.995573,
      -0.0849191
    ],
    "Manufacturer": "Philips",
    "PatientPosition": "HFS",
    "PhilipsRescaleIntercept": 0,
    "PhilipsRescaleSlope": 9.06422,
    "PhilipsScaleSlope": 0.00722135,
    "ProtocolName": "WIPT1anat_acq-6m_T1wSENSE",
    "ReconMatrixPE": 240,
    "RepetitionTime": 0.008215,
    "SeriesDescription": "ImageMRSERIES",
    "SeriesNumber": 2,
    "UsePhilipsFloatNotDisplayScaling": 1,
    "dataset": "ds002790",
    "modality": "T1w",
    "subject_id": "0205"
  },
  "cjv": 0.22164723798951702,
  "cnr": 5.871895537637034,
  "efc": 0.7576755644712136,
  "fber": -1.0,
  "fwhm_avg": 5.04008,
  "fwhm_x": 4.75761,
  "fwhm_y": 4.95056,
  "fwhm_z": 5.41207,
  "icvs_csf": 0.22810388348769056,
  "icvs_gm": 0.46093809467572316,
  "icvs_wm": 0.3109580218365863,
  "inu_med": 0.5581471621990204,
  "inu_range": 0.1988573119044303,
  "provenance": {
    "md5sum": "bad5db033b6e5967f3ca9c23c95f63af",
    "settings": {
      "testing": false
    },
    "software": "mriqc",
    "version": "23.0.1",
    "warnings": {
      "large_rot_frame": true,
      "small_air_mask": true
    },
    "webapi_port": null,
    "webapi_url": "https://mriqc.nimh.nih.gov/api/v1"
  },
  "qi_1": 0.004248896424103959,
  "qi_2": 2.170144144182922e-05,
  "rpve_csf": 23.86393430171841,
  "rpve_gm": 12.735105232195965,
  "rpve_wm": 21.746532879164818,
  "size_x": 240,
  "size_y": 240,
  "size_z": 220,
  "snr_csf": 1.5024348150487847,
  "snr_gm": 10.24624561550759,
  "snr_total": 13.154215001788282,
  "snr_wm": 27.71396457480847,
  "snrd_csf": 15.363311576636066,
  "snrd_gm": 61.024668842957354,
  "snrd_total": 59.58060088926038,
  "snrd_wm": 102.35382224818771,
  "spacing_x": 1.0,
  "spacing_y": 1.0,
  "spacing_z": 1.0,
  "summary_bg_k": 225.70976439738354,
  "summary_bg_mad": 0.0,
  "summary_bg_mean": 1.1846993067909855,
  "summary_bg_median": 0.0,
  "summary_bg_n": 131915.0,
  "summary_bg_p05": 0.0,
  "summary_bg_p95": 5.466641718521714,
  "summary_bg_stdv": 6.400702674595028,
  "summary_csf_k": 0.5640072455660072,
  "summary_csf_mad": 99.89665068941429,
  "summary_csf_mean": 165.23787843277137,
  "summary_csf_median": 150.10002420749515,
  "summary_csf_n": 32382.0,
  "summary_csf_p05": 34.404949368909,
  "summary_csf_p95": 353.6103011202067,
  "summary_csf_stdv": 99.90297418577107,
  "summary_gm_k": 0.21791536826437818,
  "summary_gm_mad": 56.665008487038726,
  "summary_gm_mean": 599.2051768172896,
  "summary_gm_median": 596.2128818966448,
  "summary_gm_n": 57363.0,
  "summary_gm_p05": 508.3278929069638,
  "summary_gm_p95": 698.2157639032229,
  "summary_gm_stdv": 58.1879165701199,
  "summary_wm_k": 0.8799079440046662,
  "summary_wm_mad": 32.83328550192384,
  "summary_wm_mean": 998.5712455921331,
  "summary_wm_median": 999.9999753013253,
  "summary_wm_n": 177874.0,
  "summary_wm_p05": 936.9975110529922,
  "summary_wm_p95": 1055.2479501161724,
  "summary_wm_stdv": 36.0827900179921,
  "tpm_overlap_csf": 0.13962769292747657,
  "tpm_overlap_gm": 0.49231943455124183,
  "tpm_overlap_wm": 0.5165032353526167,
  "wm2max": 0.7770928543801006
}