{
  "aor": 0.0020196249999999997,
  "aqi": 0.010733225166666667,
  "bids_meta": {
    "AcquisitionNumber": 4,
    "BidsifyVersion": "0.3.5",
    "ConversionSoftware": "dcm2niix",
    "ConversionSoftwareVersion": "v1.0.20181125  GCC6.3.0",
    "EchoTime": 0.02763,
    "EffectiveEchoSpacing": 0.0006909035636805814,
    "FlipAngle": 76.1,
    "ImageComments": "PIOP2",
    "ImageOrientationPatientDICOM": [
      0.987746,
      0.145326,
      -0.0568962,
      -0.142336,
      0.988371,
      0.053502
    ],
    "Manufacturer": "Philips",
    "NumberOfVolumesDiscardedByScanner": 2,
    "ParallelAcquisitionTechnique": "SENSE",
    "ParallelReductionFactorInPlane": 2,
    "PatientPosition": "HFS",
    "PhaseEncodingDirection": "j",
    "PhilipsRescaleIntercept": 0,
    "PhilipsRescaleSlope": 0.78803,
    "PhilipsScaleSlope": 0.0545636,
    "ProtocolName": "WIPtask-rest_boldSENSE",
    "PulseSequenceType": "gradient echo EPI",
    "ReconMatrixPE": 80,
    "RepetitionTime": 2,
    "SeriesDescription": "ImageMRSERIES",
    "SeriesNumber": 4,
    "SliceEncodingDirection": "k",
    "SliceTiming": [
      0.0,
      0.0556,
      0.1111,
      0.1667,
      0.2222,
      0.2778,
      0.3333,
      0.3889,
      0.4444,
      0.5,
      0.5556,
      0.6111,
      0.6667,
      0.7222,
      0.7778,
      0.8333,
      0.8889,
      0.9444,
      1.0,
      1.0556,
      1.1111,
      1.1667,
      1.2222,
      1.2778,
      1.3333,
      1.3889,
      1.4444,
      1.5,
      1.5556,
      1.6111,
      1.6667,
      1.7222,
      1.7778,
      1.8333,
      1.8889,
      1.9444
    ],
    "TaskName": "restingstate",
    "TotalReadoutTime": 0.026945238983542674,
    "UsePhilipsFloatNotDisplayScaling": 1,
    "WaterFatShift": 12,
    "acq_id": "seq",
    "dataset": "ds002790",
    "modality": "bold",
    "subject_id": "0052",
    "task_id": "restingstate"
  },
  "dummy_trs": 0,
  "dvars_nstd": 19.25626859711298,
  "dvars_std": 1.120853049539749,
  "dvars_vstd": 0.9433111926359832,
  "efc": 0.4285252148086801,
  "fber": 213044.875,
  "fd_mean": 0.14781573405119247,
  "fd_num": 37,
  "fd_perc": 15.416666666666666,
  "fwhm_avg": 1.924261826597009,
  "fwhm_x": 1.9006933333333331,
  "fwhm_y": 2.1249466666666668,
  "fwhm_z": 1.7471454797910269,
  "gcor": 0.0108366,
  "gsr_x": -0.012301931157708168,
  "gsr_y": 0.012168079614639282,
  "provenance": {
    "md5sum": "735a5c1010d28be1793411eeafdc80eb",
    "settings": {
      "fd_thres": 0.2,
      "testing": false
    },
    "software": "mriqc",
    "version": "22.0.0rc1",
    "webapi_port": null,
    "webapi_url": "https://mriqc.nimh.nih.gov/api/v1"
  },
  "size_t": 240,
  "size_x": 80,
  "size_y": 80,
  "size_z": 36,
  "snr": 6.756834415385625,
  "spacing_tr": 2.0,
  "spacing_x": 3.0,
  "spacing_y": 3.0,
  "spacing_z": 3.299999952316284,
  "summary_bg_k": 63.76813272315448,
  "summary_bg_mad": 60.56429836368239,
  "summary_bg_mean": 466.064208984375,
  "summary_bg_median": 52.792606353759766,
  "summary_bg_n": 154229.0,
  "summary_bg_p05": 5.736866664886475,
  "summary_bg_p95": 2232.2180664062507,
  "summary_bg_stdv": 1310.66748046875,
  "summary_fg_k": 2.823980998837145,
  "summary_fg_mad": 3428.112231250082,
  "summary_fg_mean": 24784.541015625,
  "summary_fg_median": 24422.380859375,
  "summary_fg_n": 35848.0,
  "summary_fg_p05": 19907.1041015625,
  "summary_fg_p95": 30620.09677734375,
  "summary_fg_stdv": 3614.42041015625,
  "tsnr": 68.9453353881836
}