{
  "aor": 0.004137187499999999,
  "aqi": 0.006830240562500001,
  "bids_meta": {
    "AcquisitionNumber": 3,
    "BidsifyVersion": "0.3.5",
    "ConversionSoftware": "dcm2niix",
    "ConversionSoftwareVersion": "v1.0.20181125  GCC6.3.0",
    "EchoTime": 0.02763,
    "EffectiveEchoSpacing": 0.0006909035636805814,
    "FlipAngle": 76.1,
    "ImageComments": "PIOP2",
    "ImageOrientationPatientDICOM": [
      0.987746,
      0.145326,
      -0.0568962,
      -0.142336,
      0.988371,
      0.053502
    ],
    "Manufacturer": "Philips",
    "NumberOfVolumesDiscardedByScanner": 2,
    "ParallelAcquisitionTechnique": "SENSE",
    "ParallelReductionFactorInPlane": 2,
    "PatientPosition": "HFS",
    "PhaseEncodingDirection": "j",
    "PhilipsRescaleIntercept": 0,
    "PhilipsRescaleSlope": 0.74799,
    "PhilipsScaleSlope": 0.0566384,
    "ProtocolName": "WIPtask-wm_boldSENSE",
    "PulseSequenceType": "gradient echo EPI",
    "ReconMatrixPE": 80,
    "RepetitionTime": 2,
    "SeriesDescription": "ImageMRSERIES",
    "SeriesNumber": 3,
    "SliceEncodingDirection": "k",
    "SliceTiming": [
      0.0,
      0.0556,
      0.1111,
      0.1667,
      0.2222,
      0.2778,
      0.3333,
      0.3889,
      0.4444,
      0.5,
      0.5556,
      0.6111,
      0.6667,
      0.7222,
      0.7778,
      0.8333,
      0.8889,
      0.9444,
      1.0,
      1.0556,
      1.1111,
      1.1667,
      1.2222,
      1.2778,
      1.3333,
      1.3889,
      1.4444,
      1.5,
      1.5556,
      1.6111,
      1.6667,
      1.7222,
      1.7778,
      1.8333,
      1.8889,
      1.9444
    ],
    "TaskName": "workingmemory",
    "TotalReadoutTime": 0.026945238983542674,
    "UsePhilipsFloatNotDisplayScaling": 1,
    "WaterFatShift": 12,
    "acq_id": "seq",
    "dataset": "ds002790",
    "modality": "bold",
    "subject_id": "0052",
    "task_id": "workingmemory"
  },
  "dummy_trs": 0,
  "dvars_nstd": 18.33445956811321,
  "dvars_std": 1.2263421650314468,
  "dvars_vstd": 0.9903705145283022,
  "efc": 0.42871671833978653,
  "fber": 227888.640625,
  "fd_mean": 0.09445655113071243,
  "fd_num": 6,
  "fd_perc": 3.75,
  "fwhm_avg": 1.8791519274783333,
  "fwhm_x": 1.8530466666666667,
  "fwhm_y": 2.064,
  "fwhm_z": 1.720409115768333,
  "gcor": 0.0146543,
  "gsr_x": -0.012322542257606983,
  "gsr_y": 0.010925203561782837,
  "provenance": {
    "md5sum": "5c3a366bcf594939807d5ce6e49e5402",
    "settings": {
      "fd_thres": 0.2,
      "testing": false
    },
    "software": "mriqc",
    "version": "22.0.0rc1",
    "webapi_port": null,
    "webapi_url": "https://mriqc.nimh.nih.gov/api/v1"
  },
  "size_t": 160,
  "size_x": 80,
  "size_y": 80,
  "size_z": 36,
  "snr": 7.009831692132282,
  "spacing_tr": 2.0,
  "spacing_x": 3.0,
  "spacing_y": 3.0,
  "spacing_z": 3.299999952316284,
  "summary_bg_k": 61.59179678022818,
  "summary_bg_mad": 57.3447255385755,
  "summary_bg_mean": 462.80670166015625,
  "summary_bg_median": 50.819488525390625,
  "summary_bg_n": 154135.0,
  "summary_bg_p05": 5.219765901565553,
  "summary_bg_p95": 2184.7165771484374,
  "summary_bg_stdv": 1317.556396484375,
  "summary_fg_k": 2.785172888998493,
  "summary_fg_mad": 3349.076791890918,
  "summary_fg_mean": 24728.720703125,
  "summary_fg_median": 24414.87890625,
  "summary_fg_n": 35882.0,
  "summary_fg_p05": 19965.58994140625,
  "summary_fg_p95": 30289.167871093745,
  "summary_fg_stdv": 3482.8994140625,
  "tsnr": 83.05689239501953
}