{
  "aor": 0.004993502304147465,
  "aqi": 0.02662534926267281,
  "bids_meta": {
    "AcquisitionNumber": 7,
    "BidsifyVersion": "0.3.5",
    "ConversionSoftware": "dcm2niix",
    "ConversionSoftwareVersion": "v1.0.20181125  GCC6.3.0",
    "EchoTime": 0.02763,
    "EffectiveEchoSpacing": 0.0006909035636805814,
    "FlipAngle": 76.1,
    "ImageComments": "PIOP2",
    "ImageOrientationPatientDICOM": [
      0.987746,
      0.145326,
      -0.0568962,
      -0.142336,
      0.988371,
      0.053502
    ],
    "Manufacturer": "Philips",
    "NumberOfVolumesDiscardedByScanner": 2,
    "ParallelAcquisitionTechnique": "SENSE",
    "ParallelReductionFactorInPlane": 2,
    "PatientPosition": "HFS",
    "PhaseEncodingDirection": "j",
    "PhilipsRescaleIntercept": 0,
    "PhilipsRescaleSlope": 0.7663,
    "PhilipsScaleSlope": 0.0560186,
    "ProtocolName": "WIPtask-stop_boldSENSE",
    "PulseSequenceType": "gradient echo EPI",
    "ReconMatrixPE": 80,
    "RepetitionTime": 2,
    "SeriesDescription": "ImageMRSERIES",
    "SeriesNumber": 7,
    "SliceEncodingDirection": "k",
    "SliceTiming": [
      0.0,
      0.0556,
      0.1111,
      0.1667,
      0.2222,
      0.2778,
      0.3333,
      0.3889,
      0.4444,
      0.5,
      0.5556,
      0.6111,
      0.6667,
      0.7222,
      0.7778,
      0.8333,
      0.8889,
      0.9444,
      1.0,
      1.0556,
      1.1111,
      1.1667,
      1.2222,
      1.2778,
      1.3333,
      1.3889,
      1.4444,
      1.5,
      1.5556,
      1.6111,
      1.6667,
      1.7222,
      1.7778,
      1.8333,
      1.8889,
      1.9444
    ],
    "TaskName": "stopsignal",
    "TotalReadoutTime": 0.026945238983542674,
    "UsePhilipsFloatNotDisplayScaling": 1,
    "WaterFatShift": 12,
    "acq_id": "seq",
    "dataset": "ds002790",
    "modality": "bold",
    "subject_id": "0052",
    "task_id": "stopsignal"
  },
  "dummy_trs": 0,
  "dvars_nstd": 25.763472627685196,
  "dvars_std": 1.0035435617129633,
  "dvars_vstd": 0.9132686088425925,
  "efc": 0.43001168424802294,
  "fber": 224972.515625,
  "fd_mean": 0.45534324089008327,
  "fd_num": 105,
  "fd_perc": 48.38709677419355,
  "fwhm_avg": 1.959663947918159,
  "fwhm_x": 1.9296366666666664,
  "fwhm_y": 2.1795733333333334,
  "fwhm_z": 1.769781843754477,
  "gcor": 0.00852966,
  "gsr_x": -0.012859354726970196,
  "gsr_y": 0.012063424102962017,
  "provenance": {
    "md5sum": "8f2570232c45c2a7c3a1ad0a3385b16f",
    "settings": {
      "fd_thres": 0.2,
      "testing": false
    },
    "software": "mriqc",
    "version": "22.0.0rc1",
    "webapi_port": null,
    "webapi_url": "https://mriqc.nimh.nih.gov/api/v1"
  },
  "size_t": 217,
  "size_x": 80,
  "size_y": 80,
  "size_z": 36,
  "snr": 6.835605832658508,
  "spacing_tr": 2.0,
  "spacing_x": 3.0,
  "spacing_y": 3.0,
  "spacing_z": 3.299999952316284,
  "summary_bg_k": 58.20705979847284,
  "summary_bg_mad": 54.70058973557042,
  "summary_bg_mean": 472.21875,
  "summary_bg_median": 51.4141731262207,
  "summary_bg_n": 153959.0,
  "summary_bg_p05": 7.7440602779388445,
  "summary_bg_p95": 2269.4563964843765,
  "summary_bg_stdv": 1302.7413330078125,
  "summary_fg_k": 2.6957652820246167,
  "summary_fg_mad": 3365.6909134313005,
  "summary_fg_mean": 24740.59765625,
  "summary_fg_median": 24390.4765625,
  "summary_fg_n": 35970.0,
  "summary_fg_p05": 19893.41181640625,
  "summary_fg_p95": 30505.851367187497,
  "summary_fg_stdv": 3568.101806640625,
  "tsnr": 42.85163879394531
}