{
  "bids_meta": {
    "AcquisitionNumber": 2,
    "BidsifyVersion": "0.3.5",
    "ConversionSoftware": "dcm2niix",
    "ConversionSoftwareVersion": "v1.0.20181125  GCC6.3.0",
    "EchoTime": 0.00375,
    "ImageComments": "PIOP2",
    "ImageOrientationPatientDICOM": [
      0.999587,
      0.0126834,
      -0.025779,
      -0.0148303,
      0.996282,
      -0.0848699
    ],
    "Manufacturer": "Philips",
    "NumberSignalAcquisitions": 2,
    "PatientPosition": "HFS",
    "PhilipsRescaleIntercept": 0,
    "PhilipsRescaleSlope": 8.13968,
    "PhilipsScaleSlope": 0.00758504,
    "ProtocolName": "WIPT1anat_acq-6m_T1wSENSE",
    "ReconMatrixPE": 240,
    "RepetitionTime": 0.008196,
    "SeriesDescription": "ImageMRSERIES",
    "SeriesNumber": 2,
    "UsePhilipsFloatNotDisplayScaling": 1,
    "dataset": "ds002790",
    "modality": "T1w",
    "subject_id": "0095"
  },
  "cjv": 0.25340760021498937,
  "cnr": 4.887223484284628,
  "efc": 0.7472496429715588,
  "fber": 2210.908203125,
  "fwhm_avg": 4.507386666666666,
  "fwhm_x": 4.20189,
  "fwhm_y": 4.62591,
  "fwhm_z": 4.69436,
  "icvs_csf": 0.2350235113659373,
  "icvs_gm": 0.4024720671370803,
  "icvs_wm": 0.3625044214969824,
  "inu_med": 1.9668545722961426,
  "inu_range": 0.3533501386642457,
  "provenance": {
    "md5sum": "f164e615869e57ef2323642071e7ead2",
    "settings": {
      "testing": false
    },
    "software": "mriqc",
    "version": "22.0.0rc1",
    "warnings": {
      "large_rot_frame": true,
      "small_air_mask": true
    },
    "webapi_port": null,
    "webapi_url": "https://mriqc.nimh.nih.gov/api/v1"
  },
  "qi_1": 0.0,
  "qi_2": 8.617478220748671e-05,
  "rpve_csf": 25.923920833221462,
  "rpve_gm": 15.375083285199311,
  "rpve_wm": 22.428214791564354,
  "size_x": 240,
  "size_y": 240,
  "size_z": 220,
  "snr_csf": 1.5310180722859104,
  "snr_gm": 9.470890525319847,
  "snr_total": 11.790652003743432,
  "snr_wm": 24.370047413624537,
  "snrd_csf": 25.055431405404267,
  "snrd_gm": 59.94562636337581,
  "snrd_total": 60.5308972876176,
  "snrd_wm": 96.59163409407275,
  "spacing_x": 1.0,
  "spacing_y": 1.0,
  "spacing_z": 1.0,
  "summary_bg_k": 37.111059046211196,
  "summary_bg_mad": 6.782417418077365,
  "summary_bg_mean": 8.115604400634766,
  "summary_bg_median": 4.741765022277832,
  "summary_bg_n": 145396.0,
  "summary_bg_p05": 0.0,
  "summary_bg_p95": 19.082366466522217,
  "summary_bg_stdv": 6.987480640411377,
  "summary_csf_k": 91.99880187150691,
  "summary_csf_mad": 116.84324378478573,
  "summary_csf_mean": 266.739990234375,
  "summary_csf_median": 259.390869140625,
  "summary_csf_n": 15175.0,
  "summary_csf_p05": 108.77827301025391,
  "summary_csf_p95": 416.4663604736328,
  "summary_csf_stdv": 169.41819763183594,
  "summary_gm_k": 0.6642355890185905,
  "summary_gm_mad": 60.594805094206905,
  "summary_gm_mean": 626.6976318359375,
  "summary_gm_median": 620.597900390625,
  "summary_gm_n": 17810.0,
  "summary_gm_p05": 530.1368896484375,
  "summary_gm_p95": 743.732238769531,
  "summary_gm_stdv": 65.52503967285156,
  "summary_wm_k": 1.074816738848126,
  "summary_wm_mad": 35.5440851203157,
  "summary_wm_mean": 994.9664306640625,
  "summary_wm_median": 999.9822998046875,
  "summary_wm_n": 200348.0,
  "summary_wm_p05": 917.3998138427735,
  "summary_wm_p95": 1053.4418395996095,
  "summary_wm_stdv": 41.03314971923828,
  "tpm_overlap_csf": 0.18087328970432281,
  "tpm_overlap_gm": 0.4539121687412262,
  "tpm_overlap_wm": 0.5166388750076294,
  "wm2max": 0.7899290490425152
}