{
  "bids_meta": {
    "AcquisitionNumber": 2,
    "BidsifyVersion": "0.3.5",
    "ConversionSoftware": "dcm2niix",
    "ConversionSoftwareVersion": "v1.0.20181125  GCC6.3.0",
    "EchoTime": 0.00377,
    "ImageComments": "PIOP2",
    "ImageOrientationPatientDICOM": [
      0.999556,
      0.0118971,
      -0.0273266,
      -0.00889746,
      0.994178,
      0.107379
    ],
    "Manufacturer": "Philips",
    "NumberSignalAcquisitions": 2,
    "PatientPosition": "HFS",
    "PhilipsRescaleIntercept": 0,
    "PhilipsRescaleSlope": 8.65055,
    "PhilipsScaleSlope": 0.00718803,
    "ProtocolName": "WIPT1anat_acq-6m_T1wSENSE",
    "ReconMatrixPE": 240,
    "RepetitionTime": 0.008223,
    "SeriesDescription": "ImageMRSERIES",
    "SeriesNumber": 2,
    "UsePhilipsFloatNotDisplayScaling": 1,
    "dataset": "ds002790",
    "modality": "T1w",
    "subject_id": "0043"
  },
  "cjv": 0.29397318569032743,
  "cnr": 4.0627367445345275,
  "efc": 0.7658474754874638,
  "fber": 2054.38671875,
  "fwhm_avg": 4.463536497437179,
  "fwhm_x": 4.258799492311538,
  "fwhm_y": 4.48128,
  "fwhm_z": 4.65053,
  "icvs_csf": 0.25691065966333587,
  "icvs_gm": 0.3905949465521271,
  "icvs_wm": 0.35249439378453695,
  "inu_med": 1.8618547916412354,
  "inu_range": 0.4240092933177948,
  "provenance": {
    "md5sum": "a8bc7e9dffa34cbeaad1a23c30a43265",
    "settings": {
      "testing": false
    },
    "software": "mriqc",
    "version": "22.0.0rc1",
    "warnings": {
      "large_rot_frame": true,
      "small_air_mask": true
    },
    "webapi_port": null,
    "webapi_url": "https://mriqc.nimh.nih.gov/api/v1"
  },
  "qi_1": 0.0,
  "qi_2": 0.00012227338232430272,
  "rpve_csf": 24.57465854360211,
  "rpve_gm": 15.467799280987292,
  "rpve_wm": 22.280789910587835,
  "size_x": 240,
  "size_y": 240,
  "size_z": 220,
  "snr_csf": 3.268192069064323,
  "snr_gm": 9.326961413053246,
  "snr_total": 12.759584538739785,
  "snr_wm": 25.683600134101788,
  "snrd_csf": 28.15432103739306,
  "snrd_gm": 58.08439084521992,
  "snrd_total": 57.75627975265248,
  "snrd_wm": 87.03012737534446,
  "spacing_x": 1.0000001192092896,
  "spacing_y": 1.0,
  "spacing_z": 1.0,
  "summary_bg_k": 1438.8812442932758,
  "summary_bg_mad": 7.527684925448627,
  "summary_bg_mean": 8.66079044342041,
  "summary_bg_median": 5.249054431915283,
  "summary_bg_n": 164948.0,
  "summary_bg_p05": 0.0,
  "summary_bg_p95": 21.002594470977783,
  "summary_bg_stdv": 8.108410835266113,
  "summary_csf_k": -0.14927152711196,
  "summary_csf_mad": 97.24591012663737,
  "summary_csf_mean": 311.157958984375,
  "summary_csf_median": 323.5003662109375,
  "summary_csf_n": 16352.0,
  "summary_csf_p05": 128.8827911376953,
  "summary_csf_p95": 457.0360305786133,
  "summary_csf_stdv": 98.98147583007812,
  "summary_gm_k": 0.7723709805693995,
  "summary_gm_mad": 64.19005213048234,
  "summary_gm_mean": 674.1776733398438,
  "summary_gm_median": 667.404541015625,
  "summary_gm_n": 22424.0,
  "summary_gm_p05": 570.5838195800782,
  "summary_gm_p95": 806.7191528320312,
  "summary_gm_stdv": 71.55488586425781,
  "summary_wm_k": 1.4363764062026352,
  "summary_wm_mad": 33.58364592580797,
  "summary_wm_mean": 998.2109985351562,
  "summary_wm_median": 999.9984741210938,
  "summary_wm_n": 194638.0,
  "summary_wm_p05": 931.2469024658203,
  "summary_wm_p95": 1057.9277221679688,
  "summary_wm_stdv": 38.9351921081543,
  "tpm_overlap_csf": 0.16881640255451202,
  "tpm_overlap_gm": 0.4405577778816223,
  "tpm_overlap_wm": 0.5186961889266968,
  "wm2max": 0.7999143863370874
}