{
  "aor": 0.002046592592592593,
  "aqi": 0.0032654459259259263,
  "bids_meta": {
    "AcquisitionNumber": 8,
    "BidsifyVersion": "0.3.5",
    "ConversionSoftware": "dcm2niix",
    "ConversionSoftwareVersion": "v1.0.20181125  GCC6.3.0",
    "EchoTime": 0.02763,
    "FlipAngle": 76.1,
    "ImageComments": "PIOP2",
    "ImageOrientationPatientDICOM": [
      0.998888,
      -0.0344522,
      -0.0321905,
      0.0383734,
      0.990715,
      0.130425
    ],
    "Manufacturer": "Philips",
    "NumberOfVolumesDiscardedByScanner": 2,
    "ParallelAcquisitionTechnique": "SENSE",
    "ParallelReductionFactorInPlane": 2,
    "PatientPosition": "HFS",
    "PhaseEncodingDirection": "j",
    "PhilipsRescaleIntercept": 0,
    "PhilipsRescaleSlope": 0.76557,
    "PhilipsScaleSlope": 0.0534208,
    "ProtocolName": "WIPtask-harriri_boldSENSE",
    "PulseSequenceType": "gradient echo EPI",
    "ReconMatrixPE": 80,
    "RepetitionTime": 2,
    "SeriesDescription": "ImageMRSERIES",
    "SeriesNumber": 8,
    "SliceEncodingDirection": "k",
    "TaskName": "emomatching",
    "UsePhilipsFloatNotDisplayScaling": 1,
    "WaterFatShift": 12,
    "acq_id": "seq",
    "dataset": "ds002790",
    "modality": "bold",
    "subject_id": "0214",
    "task_id": "emomatching"
  },
  "dummy_trs": 0,
  "dvars_nstd": 15.104413594850742,
  "dvars_std": 1.1323032435820901,
  "dvars_vstd": 1.0062903218656718,
  "efc": 0.43970219956159046,
  "fber": 229068.921875,
  "fd_mean": 0.10857053437379408,
  "fd_num": 7,
  "fd_perc": 5.185185185185185,
  "fwhm_avg": 2.1505725348919777,
  "fwhm_x": 2.0264633333333335,
  "fwhm_y": 2.42393,
  "fwhm_z": 2.0013242713425994,
  "gcor": 0.0300348,
  "gsr_x": -0.013509179465472698,
  "gsr_y": 0.009832817129790783,
  "provenance": {
    "md5sum": "f5d723a7240c9c526a0725b13d10b8c9",
    "settings": {
      "fd_thres": 0.2,
      "testing": false
    },
    "software": "mriqc",
    "version": "23.0.1",
    "webapi_port": null,
    "webapi_url": "https://mriqc.nimh.nih.gov/api/v1"
  },
  "size_t": 135,
  "size_x": 80,
  "size_y": 80,
  "size_z": 36,
  "snr": 5.959997917386363,
  "spacing_tr": 2.0,
  "spacing_x": 3.0,
  "spacing_y": 3.0,
  "spacing_z": 3.299999952316284,
  "summary_bg_k": 62.73694732254046,
  "summary_bg_mad": 55.19574157169505,
  "summary_bg_mean": 458.27264404296875,
  "summary_bg_median": 50.98514938354492,
  "summary_bg_n": 150710.0,
  "summary_bg_p05": 4.787157702445985,
  "summary_bg_p95": 2035.6201599121052,
  "summary_bg_stdv": 1476.0433349609375,
  "summary_fg_k": 2.38222097659886,
  "summary_fg_mad": 3956.7583762009017,
  "summary_fg_mean": 25175.02734375,
  "summary_fg_median": 24831.365234375,
  "summary_fg_n": 38775.0,
  "summary_fg_p05": 19334.7716796875,
  "summary_fg_p95": 31973.28945312499,
  "summary_fg_stdv": 4166.2841796875,
  "tsnr": 101.70051574707031
}