{
  "aor": 0.0034821621621621618,
  "aqi": 0.002955843873873873,
  "bids_meta": {
    "AcquisitionNumber": 7,
    "BidsifyVersion": "0.3.5",
    "ConversionSoftware": "dcm2niix",
    "ConversionSoftwareVersion": "v1.0.20181125  GCC6.3.0",
    "EchoTime": 0.02763,
    "FlipAngle": 76.1,
    "ImageComments": "PIOP2",
    "ImageOrientationPatientDICOM": [
      0.998888,
      -0.0344522,
      -0.0321905,
      0.0383734,
      0.990715,
      0.130425
    ],
    "Manufacturer": "Philips",
    "NumberOfVolumesDiscardedByScanner": 2,
    "ParallelAcquisitionTechnique": "SENSE",
    "ParallelReductionFactorInPlane": 2,
    "PatientPosition": "HFS",
    "PhaseEncodingDirection": "j",
    "PhilipsRescaleIntercept": 0,
    "PhilipsRescaleSlope": 0.77827,
    "PhilipsScaleSlope": 0.0535137,
    "ProtocolName": "WIPtask-stop_boldSENSE",
    "PulseSequenceType": "gradient echo EPI",
    "ReconMatrixPE": 80,
    "RepetitionTime": 2,
    "SeriesDescription": "ImageMRSERIES",
    "SeriesNumber": 7,
    "SliceEncodingDirection": "k",
    "TaskName": "stopsignal",
    "UsePhilipsFloatNotDisplayScaling": 1,
    "WaterFatShift": 12,
    "acq_id": "seq",
    "dataset": "ds002790",
    "modality": "bold",
    "subject_id": "0214",
    "task_id": "stopsignal"
  },
  "dummy_trs": 0,
  "dvars_nstd": 15.007478109954748,
  "dvars_std": 1.1809839595022624,
  "dvars_vstd": 1.0447186166968332,
  "efc": 0.4397475112166167,
  "fber": 225492.03125,
  "fd_mean": 0.10250665599338965,
  "fd_num": 4,
  "fd_perc": 1.8018018018018018,
  "fwhm_avg": 2.153116777337442,
  "fwhm_x": 2.03775,
  "fwhm_y": 2.41587,
  "fwhm_z": 2.005730332012326,
  "gcor": 0.0207205,
  "gsr_x": -0.013474788516759872,
  "gsr_y": 0.00966574251651764,
  "provenance": {
    "md5sum": "f97c4b89605154e48dcac862cb403763",
    "settings": {
      "fd_thres": 0.2,
      "testing": false
    },
    "software": "mriqc",
    "version": "23.0.1",
    "webapi_port": null,
    "webapi_url": "https://mriqc.nimh.nih.gov/api/v1"
  },
  "size_t": 222,
  "size_x": 80,
  "size_y": 80,
  "size_z": 36,
  "snr": 5.932437810357413,
  "spacing_tr": 2.0,
  "spacing_x": 3.0,
  "spacing_y": 3.0,
  "spacing_z": 3.299999952316284,
  "summary_bg_k": 56.14150576744158,
  "summary_bg_mad": 56.01944026289292,
  "summary_bg_mean": 455.71337890625,
  "summary_bg_median": 51.311279296875,
  "summary_bg_n": 150773.0,
  "summary_bg_p05": 4.73279218673706,
  "summary_bg_p95": 2048.275634765623,
  "summary_bg_stdv": 1445.1290283203125,
  "summary_fg_k": 2.2501545592853045,
  "summary_fg_mad": 3986.3322364696473,
  "summary_fg_mean": 25134.236328125,
  "summary_fg_median": 24800.30859375,
  "summary_fg_n": 38741.0,
  "summary_fg_p05": 19267.099609375,
  "summary_fg_p95": 31977.533203125,
  "summary_fg_stdv": 4180.404296875,
  "tsnr": 104.36324310302734
}