{
  "aor": 0.0014961206896551723,
  "aqi": 0.004234435129310345,
  "bids_meta": {
    "AcquisitionNumber": 7,
    "BidsifyVersion": "0.3.5",
    "ConversionSoftware": "dcm2niix",
    "ConversionSoftwareVersion": "v1.0.20181125  GCC6.3.0",
    "EchoTime": 0.02763,
    "EffectiveEchoSpacing": 0.0006909035636805814,
    "FlipAngle": 76.1,
    "ImageComments": "PIOP2",
    "ImageOrientationPatientDICOM": [
      0.996591,
      -0.0257749,
      0.0783745,
      0.0348017,
      0.992629,
      -0.116086
    ],
    "Manufacturer": "Philips",
    "NumberOfVolumesDiscardedByScanner": 2,
    "ParallelAcquisitionTechnique": "SENSE",
    "ParallelReductionFactorInPlane": 2,
    "PatientPosition": "HFS",
    "PhaseEncodingDirection": "j",
    "PhilipsRescaleIntercept": 0,
    "PhilipsRescaleSlope": 0.84005,
    "PhilipsScaleSlope": 0.0532685,
    "ProtocolName": "WIPtask-stop_boldSENSE",
    "PulseSequenceType": "gradient echo EPI",
    "ReconMatrixPE": 80,
    "RepetitionTime": 2,
    "SeriesDescription": "ImageMRSERIES",
    "SeriesNumber": 7,
    "SliceEncodingDirection": "k",
    "SliceTiming": [
      0.0,
      0.0556,
      0.1111,
      0.1667,
      0.2222,
      0.2778,
      0.3333,
      0.3889,
      0.4444,
      0.5,
      0.5556,
      0.6111,
      0.6667,
      0.7222,
      0.7778,
      0.8333,
      0.8889,
      0.9444,
      1.0,
      1.0556,
      1.1111,
      1.1667,
      1.2222,
      1.2778,
      1.3333,
      1.3889,
      1.4444,
      1.5,
      1.5556,
      1.6111,
      1.6667,
      1.7222,
      1.7778,
      1.8333,
      1.8889,
      1.9444
    ],
    "TaskName": "stopsignal",
    "TotalReadoutTime": 0.026945238983542674,
    "UsePhilipsFloatNotDisplayScaling": 1,
    "WaterFatShift": 12,
    "acq_id": "seq",
    "dataset": "ds002790",
    "modality": "bold",
    "subject_id": "0162",
    "task_id": "stopsignal"
  },
  "dummy_trs": 0,
  "dvars_nstd": 17.516541687575764,
  "dvars_std": 1.1729879392640699,
  "dvars_vstd": 0.9788844354545452,
  "efc": 0.4394968141870806,
  "fber": 175123.8125,
  "fd_mean": 0.10443510458236728,
  "fd_num": 10,
  "fd_perc": 4.310344827586207,
  "fwhm_avg": 2.005858998942184,
  "fwhm_x": 1.9765133333333333,
  "fwhm_y": 2.163533333333333,
  "fwhm_z": 1.8775303301598858,
  "gcor": 0.0176907,
  "gsr_x": -0.01269484218209982,
  "gsr_y": 0.015729229897260666,
  "provenance": {
    "md5sum": "eb6686dcfad3e172bc70edfda6bf959f",
    "settings": {
      "fd_thres": 0.2,
      "testing": false
    },
    "software": "mriqc",
    "version": "22.0.0rc1",
    "webapi_port": null,
    "webapi_url": "https://mriqc.nimh.nih.gov/api/v1"
  },
  "size_t": 232,
  "size_x": 80,
  "size_y": 80,
  "size_z": 36,
  "snr": 5.71052660714462,
  "spacing_tr": 2.0,
  "spacing_x": 3.0,
  "spacing_y": 3.0,
  "spacing_z": 3.299999952316284,
  "summary_bg_k": 35.42844791568982,
  "summary_bg_mad": 68.19614462940008,
  "summary_bg_mean": 701.629150390625,
  "summary_bg_median": 61.68033981323242,
  "summary_bg_n": 154161.0,
  "summary_bg_p05": 6.988580226898193,
  "summary_bg_p95": 3717.7119140625,
  "summary_bg_stdv": 1834.212890625,
  "summary_fg_k": 1.4783352183141947,
  "summary_fg_mad": 4245.72536699778,
  "summary_fg_mean": 26839.486328125,
  "summary_fg_median": 26335.17578125,
  "summary_fg_n": 36004.0,
  "summary_fg_p05": 20333.280859375,
  "summary_fg_p95": 34811.0484375,
  "summary_fg_stdv": 4611.62548828125,
  "tsnr": 88.42936706542969
}