{
  "aor": 0.002314285714285714,
  "aqi": 0.002803254069264069,
  "bids_meta": {
    "AcquisitionNumber": 7,
    "BidsifyVersion": "0.3.5",
    "ConversionSoftware": "dcm2niix",
    "ConversionSoftwareVersion": "v1.0.20181125  GCC6.3.0",
    "EchoTime": 0.02763,
    "EffectiveEchoSpacing": 0.0006909035636805814,
    "FlipAngle": 76.1,
    "ImageComments": "PIOP2",
    "ImageOrientationPatientDICOM": [
      0.997332,
      -0.0497985,
      0.053377,
      0.0527916,
      0.997022,
      -0.0562151
    ],
    "Manufacturer": "Philips",
    "NumberOfVolumesDiscardedByScanner": 2,
    "ParallelAcquisitionTechnique": "SENSE",
    "ParallelReductionFactorInPlane": 2,
    "PatientPosition": "HFS",
    "PhaseEncodingDirection": "j",
    "PhilipsRescaleIntercept": 0,
    "PhilipsRescaleSlope": 0.79634,
    "PhilipsScaleSlope": 0.062155,
    "ProtocolName": "WIPtask-stop_boldSENSE",
    "PulseSequenceType": "gradient echo EPI",
    "ReconMatrixPE": 80,
    "RepetitionTime": 2,
    "SeriesDescription": "ImageMRSERIES",
    "SeriesNumber": 7,
    "SliceEncodingDirection": "k",
    "SliceTiming": [
      0.0,
      0.0556,
      0.1111,
      0.1667,
      0.2222,
      0.2778,
      0.3333,
      0.3889,
      0.4444,
      0.5,
      0.5556,
      0.6111,
      0.6667,
      0.7222,
      0.7778,
      0.8333,
      0.8889,
      0.9444,
      1.0,
      1.0556,
      1.1111,
      1.1667,
      1.2222,
      1.2778,
      1.3333,
      1.3889,
      1.4444,
      1.5,
      1.5556,
      1.6111,
      1.6667,
      1.7222,
      1.7778,
      1.8333,
      1.8889,
      1.9444
    ],
    "TaskName": "stopsignal",
    "TotalReadoutTime": 0.026945238983542674,
    "UsePhilipsFloatNotDisplayScaling": 1,
    "WaterFatShift": 12,
    "acq_id": "seq",
    "dataset": "ds002790",
    "modality": "bold",
    "subject_id": "0022",
    "task_id": "stopsignal"
  },
  "dummy_trs": 0,
  "dvars_nstd": 16.827845648086946,
  "dvars_std": 1.2639569509999997,
  "dvars_vstd": 1.01748491,
  "efc": 0.41173172683802567,
  "fber": 298164.1875,
  "fd_mean": 0.11137744158115659,
  "fd_num": 4,
  "fd_perc": 1.7316017316017316,
  "fwhm_avg": 1.9289656078477382,
  "fwhm_x": 1.8865699999999999,
  "fwhm_y": 2.0908599999999997,
  "fwhm_z": 1.8094668235432154,
  "gcor": 0.0187793,
  "gsr_x": -0.0140022998675704,
  "gsr_y": 0.0017685582861304283,
  "provenance": {
    "md5sum": "e9adc126c9152b64a5a11bcc318925d6",
    "settings": {
      "fd_thres": 0.2,
      "testing": false
    },
    "software": "mriqc",
    "version": "22.0.0rc1",
    "webapi_port": null,
    "webapi_url": "https://mriqc.nimh.nih.gov/api/v1"
  },
  "size_t": 231,
  "size_x": 80,
  "size_y": 80,
  "size_z": 36,
  "snr": 6.219852465385053,
  "spacing_tr": 2.0,
  "spacing_x": 3.0,
  "spacing_y": 3.0,
  "spacing_z": 3.299999713897705,
  "summary_bg_k": 47.7233072794225,
  "summary_bg_mad": 46.937690791622686,
  "summary_bg_mean": 481.9454345703125,
  "summary_bg_median": 44.71382141113281,
  "summary_bg_n": 158158.0,
  "summary_bg_p05": 4.135905933380127,
  "summary_bg_p95": 2236.044604492187,
  "summary_bg_stdv": 1511.856201171875,
  "summary_fg_k": 1.5873683595462698,
  "summary_fg_mad": 3880.7547425502835,
  "summary_fg_mean": 25039.669921875,
  "summary_fg_median": 24709.33203125,
  "summary_fg_n": 32868.0,
  "summary_fg_p05": 19414.623046875,
  "summary_fg_p95": 31627.770507812496,
  "summary_fg_stdv": 3972.59521484375,
  "tsnr": 110.3517074584961
}