{
  "aor": 0.008038888888888889,
  "aqi": 0.003457472296296296,
  "bids_meta": {
    "AcquisitionNumber": 8,
    "BidsifyVersion": "0.3.5",
    "ConversionSoftware": "dcm2niix",
    "ConversionSoftwareVersion": "v1.0.20181125  GCC6.3.0",
    "EchoTime": 0.02763,
    "EffectiveEchoSpacing": 0.0006909035636805814,
    "FlipAngle": 76.1,
    "ImageComments": "PIOP2",
    "ImageOrientationPatientDICOM": [
      0.997332,
      -0.0497985,
      0.053377,
      0.0527916,
      0.997022,
      -0.0562151
    ],
    "Manufacturer": "Philips",
    "NumberOfVolumesDiscardedByScanner": 2,
    "ParallelAcquisitionTechnique": "SENSE",
    "ParallelReductionFactorInPlane": 2,
    "PatientPosition": "HFS",
    "PhaseEncodingDirection": "j",
    "PhilipsRescaleIntercept": 0,
    "PhilipsRescaleSlope": 0.83175,
    "PhilipsScaleSlope": 0.0618215,
    "ProtocolName": "WIPtask-harriri_boldSENSE",
    "PulseSequenceType": "gradient echo EPI",
    "ReconMatrixPE": 80,
    "RepetitionTime": 2,
    "SeriesDescription": "ImageMRSERIES",
    "SeriesNumber": 8,
    "SliceEncodingDirection": "k",
    "SliceTiming": [
      0.0,
      0.0556,
      0.1111,
      0.1667,
      0.2222,
      0.2778,
      0.3333,
      0.3889,
      0.4444,
      0.5,
      0.5556,
      0.6111,
      0.6667,
      0.7222,
      0.7778,
      0.8333,
      0.8889,
      0.9444,
      1.0,
      1.0556,
      1.1111,
      1.1667,
      1.2222,
      1.2778,
      1.3333,
      1.3889,
      1.4444,
      1.5,
      1.5556,
      1.6111,
      1.6667,
      1.7222,
      1.7778,
      1.8333,
      1.8889,
      1.9444
    ],
    "TaskName": "emomatching",
    "TotalReadoutTime": 0.026945238983542674,
    "UsePhilipsFloatNotDisplayScaling": 1,
    "WaterFatShift": 12,
    "acq_id": "seq",
    "dataset": "ds002790",
    "modality": "bold",
    "subject_id": "0022",
    "task_id": "emomatching"
  },
  "dummy_trs": 0,
  "dvars_nstd": 18.352900796716412,
  "dvars_std": 1.3522769440298503,
  "dvars_vstd": 1.0855769173134338,
  "efc": 0.4124871133197268,
  "fber": 299421.28125,
  "fd_mean": 0.1368191040717166,
  "fd_num": 15,
  "fd_perc": 11.11111111111111,
  "fwhm_avg": 1.8956371221955048,
  "fwhm_x": 1.8503800000000001,
  "fwhm_y": 2.0548766666666665,
  "fwhm_z": 1.781654699919848,
  "gcor": 0.0488954,
  "gsr_x": -0.013669215142726898,
  "gsr_y": 0.0016016873996704817,
  "provenance": {
    "md5sum": "1f9175aae7e0286c07bb9e23353f67ad",
    "settings": {
      "fd_thres": 0.2,
      "testing": false
    },
    "software": "mriqc",
    "version": "22.0.0rc1",
    "webapi_port": null,
    "webapi_url": "https://mriqc.nimh.nih.gov/api/v1"
  },
  "size_t": 135,
  "size_x": 80,
  "size_y": 80,
  "size_z": 36,
  "snr": 6.479525376179343,
  "spacing_tr": 2.0,
  "spacing_x": 3.0,
  "spacing_y": 3.0,
  "spacing_z": 3.299999713897705,
  "summary_bg_k": 46.88288668330424,
  "summary_bg_mad": 46.88891480520702,
  "summary_bg_mean": 490.4219665527344,
  "summary_bg_median": 44.63286590576172,
  "summary_bg_n": 158196.0,
  "summary_bg_p05": 3.8962404131889343,
  "summary_bg_p95": 2294.2255249023438,
  "summary_bg_stdv": 1536.8671875,
  "summary_fg_k": 1.4532249337351324,
  "summary_fg_mad": 3759.5346369427025,
  "summary_fg_mean": 25015.072265625,
  "summary_fg_median": 24733.91015625,
  "summary_fg_n": 32809.0,
  "summary_fg_p05": 19574.1734375,
  "summary_fg_p95": 31360.373046874996,
  "summary_fg_stdv": 3817.182861328125,
  "tsnr": 99.43103790283203
}