{
  "aor": 0.0023948750000000003,
  "aqi": 0.002438129875,
  "bids_meta": {
    "AcquisitionNumber": 3,
    "BidsifyVersion": "0.3.5",
    "ConversionSoftware": "dcm2niix",
    "ConversionSoftwareVersion": "v1.0.20181125  GCC6.3.0",
    "EchoTime": 0.02763,
    "EffectiveEchoSpacing": 0.0006909035636805814,
    "FlipAngle": 76.1,
    "ImageComments": "PIOP2",
    "ImageOrientationPatientDICOM": [
      0.997332,
      -0.0497985,
      0.053377,
      0.0527916,
      0.997022,
      -0.0562151
    ],
    "Manufacturer": "Philips",
    "NumberOfVolumesDiscardedByScanner": 2,
    "ParallelAcquisitionTechnique": "SENSE",
    "ParallelReductionFactorInPlane": 2,
    "PatientPosition": "HFS",
    "PhaseEncodingDirection": "j",
    "PhilipsRescaleIntercept": 0,
    "PhilipsRescaleSlope": 0.81978,
    "PhilipsScaleSlope": 0.0611383,
    "ProtocolName": "WIPtask-wm_boldSENSE",
    "PulseSequenceType": "gradient echo EPI",
    "ReconMatrixPE": 80,
    "RepetitionTime": 2,
    "SeriesDescription": "ImageMRSERIES",
    "SeriesNumber": 3,
    "SliceEncodingDirection": "k",
    "SliceTiming": [
      0.0,
      0.0556,
      0.1111,
      0.1667,
      0.2222,
      0.2778,
      0.3333,
      0.3889,
      0.4444,
      0.5,
      0.5556,
      0.6111,
      0.6667,
      0.7222,
      0.7778,
      0.8333,
      0.8889,
      0.9444,
      1.0,
      1.0556,
      1.1111,
      1.1667,
      1.2222,
      1.2778,
      1.3333,
      1.3889,
      1.4444,
      1.5,
      1.5556,
      1.6111,
      1.6667,
      1.7222,
      1.7778,
      1.8333,
      1.8889,
      1.9444
    ],
    "TaskName": "workingmemory",
    "TotalReadoutTime": 0.026945238983542674,
    "UsePhilipsFloatNotDisplayScaling": 1,
    "WaterFatShift": 12,
    "acq_id": "seq",
    "dataset": "ds002790",
    "modality": "bold",
    "subject_id": "0022",
    "task_id": "workingmemory"
  },
  "dummy_trs": 0,
  "dvars_nstd": 17.26019575000001,
  "dvars_std": 1.2515349447169803,
  "dvars_vstd": 1.0166904980503142,
  "efc": 0.40975766279818676,
  "fber": 266247.28125,
  "fd_mean": 0.10235417361332763,
  "fd_num": 2,
  "fd_perc": 1.25,
  "fwhm_avg": 1.9391451033255638,
  "fwhm_x": 1.8912699999999998,
  "fwhm_y": 2.0984166666666666,
  "fwhm_z": 1.8277486433100247,
  "gcor": 0.0295682,
  "gsr_x": -0.013302281498908997,
  "gsr_y": 0.001104923663660884,
  "provenance": {
    "md5sum": "2cc4b3c9cdaaaaf9ca64167d463af761",
    "settings": {
      "fd_thres": 0.2,
      "testing": false
    },
    "software": "mriqc",
    "version": "22.0.0rc1",
    "webapi_port": null,
    "webapi_url": "https://mriqc.nimh.nih.gov/api/v1"
  },
  "size_t": 160,
  "size_x": 80,
  "size_y": 80,
  "size_z": 36,
  "snr": 6.1626721624398275,
  "spacing_tr": 2.0,
  "spacing_x": 3.0,
  "spacing_y": 3.0,
  "spacing_z": 3.299999713897705,
  "summary_bg_k": 50.60650974636821,
  "summary_bg_mad": 47.287881928808886,
  "summary_bg_mean": 457.5163269042969,
  "summary_bg_median": 46.68989562988281,
  "summary_bg_n": 158166.0,
  "summary_bg_p05": 4.060969710350037,
  "summary_bg_p95": 2107.35107421875,
  "summary_bg_stdv": 1465.67138671875,
  "summary_fg_k": 1.4897728717112635,
  "summary_fg_mad": 3914.8372193311643,
  "summary_fg_mean": 24810.232421875,
  "summary_fg_median": 24508.109375,
  "summary_fg_n": 32690.0,
  "summary_fg_p05": 19183.65068359375,
  "summary_fg_p95": 31450.22421875,
  "summary_fg_stdv": 3976.80322265625,
  "tsnr": 112.81060791015625
}