{
  "aor": 0.0027541517857142856,
  "aqi": 0.0042185958035714285,
  "bids_meta": {
    "AcquisitionNumber": 7,
    "BidsifyVersion": "0.3.5",
    "ConversionSoftware": "dcm2niix",
    "ConversionSoftwareVersion": "v1.0.20181125  GCC6.3.0",
    "EchoTime": 0.02763,
    "EffectiveEchoSpacing": 0.0006909035636805814,
    "FlipAngle": 76.1,
    "ImageComments": "PIOP2",
    "ImageOrientationPatientDICOM": [
      0.99943,
      0.0323454,
      0.00968536,
      -0.0314083,
      0.995895,
      -0.0848935
    ],
    "Manufacturer": "Philips",
    "NumberOfVolumesDiscardedByScanner": 2,
    "ParallelAcquisitionTechnique": "SENSE",
    "ParallelReductionFactorInPlane": 2,
    "PatientPosition": "HFS",
    "PhaseEncodingDirection": "j",
    "PhilipsRescaleIntercept": 0,
    "PhilipsRescaleSlope": 0.76239,
    "PhilipsScaleSlope": 0.0539805,
    "ProtocolName": "WIPtask-stop_boldSENSE",
    "PulseSequenceType": "gradient echo EPI",
    "ReconMatrixPE": 80,
    "RepetitionTime": 2,
    "SeriesDescription": "ImageMRSERIES",
    "SeriesNumber": 7,
    "SliceEncodingDirection": "k",
    "SliceTiming": [
      0.0,
      0.0556,
      0.1111,
      0.1667,
      0.2222,
      0.2778,
      0.3333,
      0.3889,
      0.4444,
      0.5,
      0.5556,
      0.6111,
      0.6667,
      0.7222,
      0.7778,
      0.8333,
      0.8889,
      0.9444,
      1.0,
      1.0556,
      1.1111,
      1.1667,
      1.2222,
      1.2778,
      1.3333,
      1.3889,
      1.4444,
      1.5,
      1.5556,
      1.6111,
      1.6667,
      1.7222,
      1.7778,
      1.8333,
      1.8889,
      1.9444
    ],
    "TaskName": "stopsignal",
    "TotalReadoutTime": 0.026945238983542674,
    "UsePhilipsFloatNotDisplayScaling": 1,
    "WaterFatShift": 12,
    "acq_id": "seq",
    "dataset": "ds002790",
    "modality": "bold",
    "subject_id": "0006",
    "task_id": "stopsignal"
  },
  "dummy_trs": 1,
  "dvars_nstd": 16.375029542780272,
  "dvars_std": 1.1544642990134528,
  "dvars_vstd": 1.0000653005829598,
  "efc": 0.46104819070514547,
  "fber": 179318.015625,
  "fd_mean": 0.10976605653043599,
  "fd_num": 13,
  "fd_perc": 5.803571428571429,
  "fwhm_avg": 2.004188190775919,
  "fwhm_x": 1.9713200000000002,
  "fwhm_y": 2.1814566666666666,
  "fwhm_z": 1.8597879056610902,
  "gcor": 0.022864,
  "gsr_x": -0.01791866309940815,
  "gsr_y": 0.024501260370016098,
  "provenance": {
    "md5sum": "8efca1dc0f0cbda09dff3f03e86bd138",
    "settings": {
      "fd_thres": 0.2,
      "testing": false
    },
    "software": "mriqc",
    "version": "22.0.0rc1",
    "webapi_port": null,
    "webapi_url": "https://mriqc.nimh.nih.gov/api/v1"
  },
  "size_t": 224,
  "size_x": 80,
  "size_y": 80,
  "size_z": 36,
  "snr": 5.358882744260568,
  "spacing_tr": 2.0,
  "spacing_x": 3.0,
  "spacing_y": 3.0,
  "spacing_z": 3.299999952316284,
  "summary_bg_k": 46.794515136326226,
  "summary_bg_mad": 63.581532216240554,
  "summary_bg_mean": 712.4589233398438,
  "summary_bg_median": 57.704071044921875,
  "summary_bg_n": 148643.0,
  "summary_bg_p05": 5.91944375038147,
  "summary_bg_p95": 3865.0031982421874,
  "summary_bg_stdv": 1839.9151611328125,
  "summary_fg_k": 2.041054825674985,
  "summary_fg_mad": 4158.619590953118,
  "summary_fg_mean": 25778.701171875,
  "summary_fg_median": 25138.47265625,
  "summary_fg_n": 39928.0,
  "summary_fg_p05": 19563.6669921875,
  "summary_fg_p95": 33990.239453125,
  "summary_fg_stdv": 4690.9326171875,
  "tsnr": 85.73722839355469
}