{
  "aor": 0.004590444444444445,
  "aqi": 0.0040114646666666665,
  "bids_meta": {
    "AcquisitionNumber": 8,
    "BidsifyVersion": "0.3.5",
    "ConversionSoftware": "dcm2niix",
    "ConversionSoftwareVersion": "v1.0.20181125  GCC6.3.0",
    "EchoTime": 0.02763,
    "EffectiveEchoSpacing": 0.0006909035636805814,
    "FlipAngle": 76.1,
    "ImageComments": "PIOP2",
    "ImageOrientationPatientDICOM": [
      0.99943,
      0.0323454,
      0.00968536,
      -0.0314083,
      0.995895,
      -0.0848935
    ],
    "Manufacturer": "Philips",
    "NumberOfVolumesDiscardedByScanner": 2,
    "ParallelAcquisitionTechnique": "SENSE",
    "ParallelReductionFactorInPlane": 2,
    "PatientPosition": "HFS",
    "PhaseEncodingDirection": "j",
    "PhilipsRescaleIntercept": 0,
    "PhilipsRescaleSlope": 0.75092,
    "PhilipsScaleSlope": 0.0536528,
    "ProtocolName": "WIPtask-harriri_boldSENSE",
    "PulseSequenceType": "gradient echo EPI",
    "ReconMatrixPE": 80,
    "RepetitionTime": 2,
    "SeriesDescription": "ImageMRSERIES",
    "SeriesNumber": 8,
    "SliceEncodingDirection": "k",
    "SliceTiming": [
      0.0,
      0.0556,
      0.1111,
      0.1667,
      0.2222,
      0.2778,
      0.3333,
      0.3889,
      0.4444,
      0.5,
      0.5556,
      0.6111,
      0.6667,
      0.7222,
      0.7778,
      0.8333,
      0.8889,
      0.9444,
      1.0,
      1.0556,
      1.1111,
      1.1667,
      1.2222,
      1.2778,
      1.3333,
      1.3889,
      1.4444,
      1.5,
      1.5556,
      1.6111,
      1.6667,
      1.7222,
      1.7778,
      1.8333,
      1.8889,
      1.9444
    ],
    "TaskName": "emomatching",
    "TotalReadoutTime": 0.026945238983542674,
    "UsePhilipsFloatNotDisplayScaling": 1,
    "WaterFatShift": 12,
    "acq_id": "seq",
    "dataset": "ds002790",
    "modality": "bold",
    "subject_id": "0006",
    "task_id": "emomatching"
  },
  "dummy_trs": 0,
  "dvars_nstd": 17.23022619634329,
  "dvars_std": 1.1899754234328352,
  "dvars_vstd": 1.0346529502238806,
  "efc": 0.4608934719994377,
  "fber": 178958.671875,
  "fd_mean": 0.1137663356745126,
  "fd_num": 15,
  "fd_perc": 11.11111111111111,
  "fwhm_avg": 2.0043854634491587,
  "fwhm_x": 1.9741600000000001,
  "fwhm_y": 2.1904266666666667,
  "fwhm_z": 1.84856972368081,
  "gcor": 0.0410486,
  "gsr_x": -0.01808832585811615,
  "gsr_y": 0.024928584694862366,
  "provenance": {
    "md5sum": "b3cdcadd2f3727f78ff66a2c52012fa0",
    "settings": {
      "fd_thres": 0.2,
      "testing": false
    },
    "software": "mriqc",
    "version": "22.0.0rc1",
    "webapi_port": null,
    "webapi_url": "https://mriqc.nimh.nih.gov/api/v1"
  },
  "size_t": 135,
  "size_x": 80,
  "size_y": 80,
  "size_z": 36,
  "snr": 5.3459053302194,
  "spacing_tr": 2.0,
  "spacing_x": 3.0,
  "spacing_y": 3.0,
  "spacing_z": 3.299999952316284,
  "summary_bg_k": 48.16741946190049,
  "summary_bg_mad": 64.02833931144498,
  "summary_bg_mean": 724.3302612304688,
  "summary_bg_median": 58.21876907348633,
  "summary_bg_n": 148759.0,
  "summary_bg_p05": 5.802191638946534,
  "summary_bg_p95": 3964.776489257813,
  "summary_bg_stdv": 1875.9075927734375,
  "summary_fg_k": 2.0823016965932712,
  "summary_fg_mad": 4185.409228500978,
  "summary_fg_mean": 26018.306640625,
  "summary_fg_median": 25368.84765625,
  "summary_fg_n": 39820.0,
  "summary_fg_p05": 19737.4333984375,
  "summary_fg_p95": 34327.7806640625,
  "summary_fg_stdv": 4745.4130859375,
  "tsnr": 84.94264221191406
}