{
  "aor": 0.0035697500000000004,
  "aqi": 0.004660595875,
  "bids_meta": {
    "AcquisitionNumber": 4,
    "BidsifyVersion": "0.3.5",
    "ConversionSoftware": "dcm2niix",
    "ConversionSoftwareVersion": "v1.0.20181125  GCC6.3.0",
    "EchoTime": 0.02763,
    "EffectiveEchoSpacing": 0.0006909035636805814,
    "FlipAngle": 76.1,
    "ImageComments": "PIOP2",
    "ImageOrientationPatientDICOM": [
      0.999304,
      0.0180166,
      0.032663,
      -0.017094,
      0.999453,
      -0.02831
    ],
    "Manufacturer": "Philips",
    "NumberOfVolumesDiscardedByScanner": 2,
    "ParallelAcquisitionTechnique": "SENSE",
    "ParallelReductionFactorInPlane": 2,
    "PatientPosition": "HFS",
    "PhaseEncodingDirection": "j",
    "PhilipsRescaleIntercept": 0,
    "PhilipsRescaleSlope": 0.79634,
    "PhilipsScaleSlope": 0.0542433,
    "ProtocolName": "WIPtask-rest_boldSENSE",
    "PulseSequenceType": "gradient echo EPI",
    "ReconMatrixPE": 80,
    "RepetitionTime": 2,
    "SeriesDescription": "ImageMRSERIES",
    "SeriesNumber": 4,
    "SliceEncodingDirection": "k",
    "SliceTiming": [
      0.0,
      0.0556,
      0.1111,
      0.1667,
      0.2222,
      0.2778,
      0.3333,
      0.3889,
      0.4444,
      0.5,
      0.5556,
      0.6111,
      0.6667,
      0.7222,
      0.7778,
      0.8333,
      0.8889,
      0.9444,
      1.0,
      1.0556,
      1.1111,
      1.1667,
      1.2222,
      1.2778,
      1.3333,
      1.3889,
      1.4444,
      1.5,
      1.5556,
      1.6111,
      1.6667,
      1.7222,
      1.7778,
      1.8333,
      1.8889,
      1.9444
    ],
    "TaskName": "restingstate",
    "TotalReadoutTime": 0.026945238983542674,
    "UsePhilipsFloatNotDisplayScaling": 1,
    "WaterFatShift": 12,
    "acq_id": "seq",
    "dataset": "ds002790",
    "modality": "bold",
    "subject_id": "0013",
    "task_id": "restingstate"
  },
  "dummy_trs": 0,
  "dvars_nstd": 17.11923598460251,
  "dvars_std": 1.229058772803347,
  "dvars_vstd": 1.0155217985355647,
  "efc": 0.43953001527249075,
  "fber": 205410.71875,
  "fd_mean": 0.09219846988651358,
  "fd_num": 10,
  "fd_perc": 4.166666666666667,
  "fwhm_avg": 2.038914251430714,
  "fwhm_x": 1.9908066666666666,
  "fwhm_y": 2.25603,
  "fwhm_z": 1.8699060876254758,
  "gcor": 0.0430713,
  "gsr_x": -0.019502276554703712,
  "gsr_y": 0.02048446610569954,
  "provenance": {
    "md5sum": "9a9e8cd3e387a210873f6d5d6dc85763",
    "settings": {
      "fd_thres": 0.2,
      "testing": false
    },
    "software": "mriqc",
    "version": "22.0.0rc1",
    "webapi_port": null,
    "webapi_url": "https://mriqc.nimh.nih.gov/api/v1"
  },
  "size_t": 240,
  "size_x": 80,
  "size_y": 80,
  "size_z": 36,
  "snr": 5.887361898789264,
  "spacing_tr": 2.0,
  "spacing_x": 3.0,
  "spacing_y": 3.0,
  "spacing_z": 3.299999952316284,
  "summary_bg_k": 60.75826894552206,
  "summary_bg_mad": 62.42510712346266,
  "summary_bg_mean": 645.1599731445312,
  "summary_bg_median": 55.588653564453125,
  "summary_bg_n": 152985.0,
  "summary_bg_p05": 4.975954246520996,
  "summary_bg_p95": 3190.944921874999,
  "summary_bg_stdv": 1892.8321533203125,
  "summary_fg_k": 1.0609650550734528,
  "summary_fg_mad": 4194.74788505309,
  "summary_fg_mean": 25974.244140625,
  "summary_fg_median": 25611.251953125,
  "summary_fg_n": 36196.0,
  "summary_fg_p05": 19649.2353515625,
  "summary_fg_p95": 33342.1474609375,
  "summary_fg_stdv": 4350.1484375,
  "tsnr": 85.1355972290039
}