{
  "aor": 0.0039901875,
  "aqi": 0.0026899705625,
  "bids_meta": {
    "AcquisitionNumber": 3,
    "BidsifyVersion": "0.3.5",
    "ConversionSoftware": "dcm2niix",
    "ConversionSoftwareVersion": "v1.0.20181125  GCC6.3.0",
    "EchoTime": 0.02763,
    "EffectiveEchoSpacing": 0.0006909035636805814,
    "FlipAngle": 76.1,
    "ImageComments": "PIOP2",
    "ImageOrientationPatientDICOM": [
      0.999304,
      0.0180166,
      0.032663,
      -0.017094,
      0.999453,
      -0.02831
    ],
    "Manufacturer": "Philips",
    "NumberOfVolumesDiscardedByScanner": 2,
    "ParallelAcquisitionTechnique": "SENSE",
    "ParallelReductionFactorInPlane": 2,
    "PatientPosition": "HFS",
    "PhaseEncodingDirection": "j",
    "PhilipsRescaleIntercept": 0,
    "PhilipsRescaleSlope": 0.78071,
    "PhilipsScaleSlope": 0.0551281,
    "ProtocolName": "WIPtask-wm_boldSENSE",
    "PulseSequenceType": "gradient echo EPI",
    "ReconMatrixPE": 80,
    "RepetitionTime": 2,
    "SeriesDescription": "ImageMRSERIES",
    "SeriesNumber": 3,
    "SliceEncodingDirection": "k",
    "SliceTiming": [
      0.0,
      0.0556,
      0.1111,
      0.1667,
      0.2222,
      0.2778,
      0.3333,
      0.3889,
      0.4444,
      0.5,
      0.5556,
      0.6111,
      0.6667,
      0.7222,
      0.7778,
      0.8333,
      0.8889,
      0.9444,
      1.0,
      1.0556,
      1.1111,
      1.1667,
      1.2222,
      1.2778,
      1.3333,
      1.3889,
      1.4444,
      1.5,
      1.5556,
      1.6111,
      1.6667,
      1.7222,
      1.7778,
      1.8333,
      1.8889,
      1.9444
    ],
    "TaskName": "workingmemory",
    "TotalReadoutTime": 0.026945238983542674,
    "UsePhilipsFloatNotDisplayScaling": 1,
    "WaterFatShift": 12,
    "acq_id": "seq",
    "dataset": "ds002790",
    "modality": "bold",
    "subject_id": "0013",
    "task_id": "workingmemory"
  },
  "dummy_trs": 0,
  "dvars_nstd": 19.044486531194963,
  "dvars_std": 1.369272091949686,
  "dvars_vstd": 1.0380698436477986,
  "efc": 0.4390187762265537,
  "fber": 214135.90625,
  "fd_mean": 0.07554083333184548,
  "fd_num": 5,
  "fd_perc": 3.125,
  "fwhm_avg": 2.0508353627147393,
  "fwhm_x": 1.9928,
  "fwhm_y": 2.2539000000000002,
  "fwhm_z": 1.905806088144217,
  "gcor": 0.05043,
  "gsr_x": -0.019265510141849518,
  "gsr_y": 0.01938038319349289,
  "provenance": {
    "md5sum": "d2eda8c3b926372f43b031f7ec211e01",
    "settings": {
      "fd_thres": 0.2,
      "testing": false
    },
    "software": "mriqc",
    "version": "22.0.0rc1",
    "webapi_port": null,
    "webapi_url": "https://mriqc.nimh.nih.gov/api/v1"
  },
  "size_t": 160,
  "size_x": 80,
  "size_y": 80,
  "size_z": 36,
  "snr": 5.887332994231149,
  "spacing_tr": 2.0,
  "spacing_x": 3.0,
  "spacing_y": 3.0,
  "spacing_z": 3.299999952316284,
  "summary_bg_k": 59.59707479573301,
  "summary_bg_mad": 59.13496910306229,
  "summary_bg_mean": 625.9664306640625,
  "summary_bg_median": 53.80671691894531,
  "summary_bg_n": 152982.0,
  "summary_bg_p05": 4.819089245796204,
  "summary_bg_p95": 3107.3979492187364,
  "summary_bg_stdv": 1828.8671875,
  "summary_fg_k": 1.012616650745823,
  "summary_fg_mad": 4175.309000887409,
  "summary_fg_mean": 25816.83984375,
  "summary_fg_median": 25473.677734375,
  "summary_fg_n": 36173.0,
  "summary_fg_p05": 19502.224609375,
  "summary_fg_p95": 33152.9296875,
  "summary_fg_stdv": 4326.80224609375,
  "tsnr": 109.79750061035156
}