{
  "aor": 0.0019943703703703707,
  "aqi": 0.00481854562962963,
  "bids_meta": {
    "AcquisitionNumber": 8,
    "BidsifyVersion": "0.3.5",
    "ConversionSoftware": "dcm2niix",
    "ConversionSoftwareVersion": "v1.0.20181125  GCC6.3.0",
    "EchoTime": 0.02763,
    "EffectiveEchoSpacing": 0.0006909035636805814,
    "FlipAngle": 76.1,
    "ImageComments": "PIOP2",
    "ImageOrientationPatientDICOM": [
      0.999304,
      0.0180166,
      0.032663,
      -0.017094,
      0.999453,
      -0.02831
    ],
    "Manufacturer": "Philips",
    "NumberOfVolumesDiscardedByScanner": 2,
    "ParallelAcquisitionTechnique": "SENSE",
    "ParallelReductionFactorInPlane": 2,
    "PatientPosition": "HFS",
    "PhaseEncodingDirection": "j",
    "PhilipsRescaleIntercept": 0,
    "PhilipsRescaleSlope": 0.83443,
    "PhilipsScaleSlope": 0.0529208,
    "ProtocolName": "WIPtask-harriri_boldSENSE",
    "PulseSequenceType": "gradient echo EPI",
    "ReconMatrixPE": 80,
    "RepetitionTime": 2,
    "SeriesDescription": "ImageMRSERIES",
    "SeriesNumber": 8,
    "SliceEncodingDirection": "k",
    "SliceTiming": [
      0.0,
      0.0556,
      0.1111,
      0.1667,
      0.2222,
      0.2778,
      0.3333,
      0.3889,
      0.4444,
      0.5,
      0.5556,
      0.6111,
      0.6667,
      0.7222,
      0.7778,
      0.8333,
      0.8889,
      0.9444,
      1.0,
      1.0556,
      1.1111,
      1.1667,
      1.2222,
      1.2778,
      1.3333,
      1.3889,
      1.4444,
      1.5,
      1.5556,
      1.6111,
      1.6667,
      1.7222,
      1.7778,
      1.8333,
      1.8889,
      1.9444
    ],
    "TaskName": "emomatching",
    "TotalReadoutTime": 0.026945238983542674,
    "UsePhilipsFloatNotDisplayScaling": 1,
    "WaterFatShift": 12,
    "acq_id": "seq",
    "dataset": "ds002790",
    "modality": "bold",
    "subject_id": "0013",
    "task_id": "emomatching"
  },
  "dummy_trs": 0,
  "dvars_nstd": 18.673283157164185,
  "dvars_std": 1.2256242039552239,
  "dvars_vstd": 0.9850266224626861,
  "efc": 0.43896716213223747,
  "fber": 213518.296875,
  "fd_mean": 0.09373899891600969,
  "fd_num": 9,
  "fd_perc": 6.666666666666667,
  "fwhm_avg": 2.0162532411644825,
  "fwhm_x": 1.9737933333333333,
  "fwhm_y": 2.2393633333333334,
  "fwhm_z": 1.83560305682678,
  "gcor": 0.0573288,
  "gsr_x": -0.018966443836688995,
  "gsr_y": 0.020747514441609383,
  "provenance": {
    "md5sum": "80ba34a672bc5811063b70820faad7d5",
    "settings": {
      "fd_thres": 0.2,
      "testing": false
    },
    "software": "mriqc",
    "version": "22.0.0rc1",
    "webapi_port": null,
    "webapi_url": "https://mriqc.nimh.nih.gov/api/v1"
  },
  "size_t": 135,
  "size_x": 80,
  "size_y": 80,
  "size_z": 36,
  "snr": 5.937050227091464,
  "spacing_tr": 2.0,
  "spacing_x": 3.0,
  "spacing_y": 3.0,
  "spacing_z": 3.299999952316284,
  "summary_bg_k": 57.201339188196954,
  "summary_bg_mad": 59.879653015095016,
  "summary_bg_mean": 645.7453002929688,
  "summary_bg_median": 54.131614685058594,
  "summary_bg_n": 153142.0,
  "summary_bg_p05": 4.952091431617737,
  "summary_bg_p95": 3251.188513183591,
  "summary_bg_stdv": 1872.9190673828125,
  "summary_fg_k": 1.1038829529794665,
  "summary_fg_mad": 4146.065251268878,
  "summary_fg_mean": 25871.05078125,
  "summary_fg_median": 25550.1171875,
  "summary_fg_n": 35995.0,
  "summary_fg_p05": 19619.165625,
  "summary_fg_p95": 33149.06523437499,
  "summary_fg_stdv": 4303.44384765625,
  "tsnr": 85.055908203125
}