{
  "bids_meta": {
    "AcquisitionNumber": 2,
    "BidsifyVersion": "0.3.5",
    "ConversionSoftware": "dcm2niix",
    "ConversionSoftwareVersion": "v1.0.20181125  GCC6.3.0",
    "EchoTime": 0.00378,
    "ImageComments": "PIOP2",
    "ImageOrientationPatientDICOM": [
      0.999046,
      -0.0112547,
      0.0421984,
      0.0163919,
      0.992216,
      -0.123445
    ],
    "Manufacturer": "Philips",
    "NumberSignalAcquisitions": 2,
    "PatientPosition": "HFS",
    "PhilipsRescaleIntercept": 0,
    "PhilipsRescaleSlope": 8.65788,
    "PhilipsScaleSlope": 0.00767026,
    "ProtocolName": "WIPT1anat_acq-6m_T1wSENSE",
    "ReconMatrixPE": 240,
    "RepetitionTime": 0.008253,
    "SeriesDescription": "ImageMRSERIES",
    "SeriesNumber": 2,
    "UsePhilipsFloatNotDisplayScaling": 1,
    "dataset": "ds002790",
    "modality": "T1w",
    "subject_id": "0103"
  },
  "cjv": 0.2935727560266473,
  "cnr": 4.154815301489481,
  "efc": 0.7759449580571811,
  "fber": 1129.5771484375,
  "fwhm_avg": 4.701743525339775,
  "fwhm_x": 4.44123,
  "fwhm_y": 4.664470278024094,
  "fwhm_z": 4.999530297995228,
  "icvs_csf": 0.2664821734278248,
  "icvs_gm": 0.39165500198556064,
  "icvs_wm": 0.3418628245866146,
  "inu_med": 0.9285726547241211,
  "inu_range": 0.38347703218460094,
  "provenance": {
    "md5sum": "8e5322cceb7f543a79201e51adcb10e9",
    "settings": {
      "testing": false
    },
    "software": "mriqc",
    "version": "22.0.0rc1",
    "warnings": {
      "large_rot_frame": true,
      "small_air_mask": true
    },
    "webapi_port": null,
    "webapi_url": "https://mriqc.nimh.nih.gov/api/v1"
  },
  "qi_1": 0.0,
  "qi_2": 0.00034400208609865695,
  "rpve_csf": 22.657775265640463,
  "rpve_gm": 14.722539559651045,
  "rpve_wm": 21.908679959107314,
  "size_x": 240,
  "size_y": 240,
  "size_z": 220,
  "snr_csf": 3.7384825164040696,
  "snr_gm": 8.667331238541639,
  "snr_total": 12.476253778770888,
  "snr_wm": 25.022947581366953,
  "snrd_csf": 21.96978955404156,
  "snrd_gm": 36.284480972548046,
  "snrd_total": 38.129121321621234,
  "snrd_wm": 56.133093438274116,
  "spacing_x": 1.0,
  "spacing_y": 0.9999999403953552,
  "spacing_z": 0.9999999403953552,
  "summary_bg_k": 15.678588431064213,
  "summary_bg_mad": 11.671137598187329,
  "summary_bg_mean": 12.319112777709961,
  "summary_bg_median": 8.157129287719727,
  "summary_bg_n": 82763.0,
  "summary_bg_p05": 0.0,
  "summary_bg_p95": 31.597826576232908,
  "summary_bg_stdv": 9.174798965454102,
  "summary_csf_k": 0.09111291748555539,
  "summary_csf_mad": 85.24261452257223,
  "summary_csf_mean": 363.0672912597656,
  "summary_csf_median": 391.38787841796875,
  "summary_csf_n": 18897.0,
  "summary_csf_p05": 144.67991943359374,
  "summary_csf_p95": 494.3447570800782,
  "summary_csf_stdv": 104.68887329101562,
  "summary_gm_k": 0.2640068744743993,
  "summary_gm_mad": 69.1504442514975,
  "summary_gm_mean": 655.66650390625,
  "summary_gm_median": 646.4015502929688,
  "summary_gm_n": 21764.0,
  "summary_gm_p05": 548.3108764648438,
  "summary_gm_p95": 795.0832122802733,
  "summary_gm_stdv": 74.57736206054688,
  "summary_wm_k": 1.318515683987683,
  "summary_wm_mad": 34.65673176614908,
  "summary_wm_mean": 996.6741333007812,
  "summary_wm_median": 1000.0010375976562,
  "summary_wm_n": 203157.0,
  "summary_wm_p05": 924.1389770507812,
  "summary_wm_p95": 1054.991748046875,
  "summary_wm_stdv": 39.963260650634766,
  "tpm_overlap_csf": 0.1638268381357193,
  "tpm_overlap_gm": 0.45244690775871277,
  "tpm_overlap_wm": 0.5136934518814087,
  "wm2max": 0.6289906216565142
}