{
  "aor": 0.0014998630136986303,
  "aqi": 0.0028034084018264843,
  "bids_meta": {
    "AcquisitionNumber": 7,
    "BidsifyVersion": "0.3.5",
    "ConversionSoftware": "dcm2niix",
    "ConversionSoftwareVersion": "v1.0.20181125  GCC6.3.0",
    "EchoTime": 0.02763,
    "EffectiveEchoSpacing": 0.0006909035636805814,
    "FlipAngle": 76.1,
    "ImageComments": "PIOP2",
    "ImageOrientationPatientDICOM": [
      0.999005,
      -0.0363116,
      0.025874,
      0.0378541,
      0.997367,
      -0.0618552
    ],
    "Manufacturer": "Philips",
    "NumberOfVolumesDiscardedByScanner": 2,
    "ParallelAcquisitionTechnique": "SENSE",
    "ParallelReductionFactorInPlane": 2,
    "PatientPosition": "HFS",
    "PhaseEncodingDirection": "j",
    "PhilipsRescaleIntercept": 0,
    "PhilipsRescaleSlope": 0.77167,
    "PhilipsScaleSlope": 0.0538047,
    "ProtocolName": "WIPtask-stop_boldSENSE",
    "PulseSequenceType": "gradient echo EPI",
    "ReconMatrixPE": 80,
    "RepetitionTime": 2,
    "SeriesDescription": "ImageMRSERIES",
    "SeriesNumber": 7,
    "SliceEncodingDirection": "k",
    "SliceTiming": [
      0.0,
      0.0556,
      0.1111,
      0.1667,
      0.2222,
      0.2778,
      0.3333,
      0.3889,
      0.4444,
      0.5,
      0.5556,
      0.6111,
      0.6667,
      0.7222,
      0.7778,
      0.8333,
      0.8889,
      0.9444,
      1.0,
      1.0556,
      1.1111,
      1.1667,
      1.2222,
      1.2778,
      1.3333,
      1.3889,
      1.4444,
      1.5,
      1.5556,
      1.6111,
      1.6667,
      1.7222,
      1.7778,
      1.8333,
      1.8889,
      1.9444
    ],
    "TaskName": "stopsignal",
    "TotalReadoutTime": 0.026945238983542674,
    "UsePhilipsFloatNotDisplayScaling": 1,
    "WaterFatShift": 12,
    "acq_id": "seq",
    "dataset": "ds002790",
    "modality": "bold",
    "subject_id": "0168",
    "task_id": "stopsignal"
  },
  "dummy_trs": 0,
  "dvars_nstd": 16.615365728669715,
  "dvars_std": 1.2051313980275231,
  "dvars_vstd": 0.990082487568807,
  "efc": 0.408000476816269,
  "fber": 295512.4375,
  "fd_mean": 0.13718125729786648,
  "fd_num": 21,
  "fd_perc": 9.58904109589041,
  "fwhm_avg": 2.0850459690655345,
  "fwhm_x": 2.0514666666666668,
  "fwhm_y": 2.237616666666667,
  "fwhm_z": 1.966054573863269,
  "gcor": 0.0273931,
  "gsr_x": -0.016077300533652306,
  "gsr_y": 0.009698034264147282,
  "provenance": {
    "md5sum": "2dcd63c171164ed397bd0773382d7fe4",
    "settings": {
      "fd_thres": 0.2,
      "testing": false
    },
    "software": "mriqc",
    "version": "22.0.0rc1",
    "webapi_port": null,
    "webapi_url": "https://mriqc.nimh.nih.gov/api/v1"
  },
  "size_t": 219,
  "size_x": 80,
  "size_y": 80,
  "size_z": 36,
  "snr": 5.5516389297293225,
  "spacing_tr": 2.0,
  "spacing_x": 3.0,
  "spacing_y": 3.0,
  "spacing_z": 3.299999952316284,
  "summary_bg_k": 134.3552981657218,
  "summary_bg_mad": 50.699004812519945,
  "summary_bg_mean": 427.04498291015625,
  "summary_bg_median": 46.8543815612793,
  "summary_bg_n": 156945.0,
  "summary_bg_p05": 2.5352814674377444,
  "summary_bg_p95": 1883.860668945309,
  "summary_bg_stdv": 1515.4725341796875,
  "summary_fg_k": 1.6765022344864349,
  "summary_fg_mad": 4342.631664934107,
  "summary_fg_mean": 26845.31640625,
  "summary_fg_median": 26412.53125,
  "summary_fg_n": 33215.0,
  "summary_fg_p05": 19974.731640625,
  "summary_fg_p95": 34867.392578125,
  "summary_fg_stdv": 4757.5380859375,
  "tsnr": 103.63101959228516
}