{
  "aor": 0.0021516875,
  "aqi": 0.002109554875,
  "bids_meta": {
    "AcquisitionNumber": 3,
    "BidsifyVersion": "0.3.5",
    "ConversionSoftware": "dcm2niix",
    "ConversionSoftwareVersion": "v1.0.20181125  GCC6.3.0",
    "EchoTime": 0.02763,
    "EffectiveEchoSpacing": 0.0006909035636805814,
    "FlipAngle": 76.1,
    "ImageComments": "PIOP2",
    "ImageOrientationPatientDICOM": [
      0.999005,
      -0.0363116,
      0.025874,
      0.0378541,
      0.997367,
      -0.0618552
    ],
    "Manufacturer": "Philips",
    "NumberOfVolumesDiscardedByScanner": 2,
    "ParallelAcquisitionTechnique": "SENSE",
    "ParallelReductionFactorInPlane": 2,
    "PatientPosition": "HFS",
    "PhaseEncodingDirection": "j",
    "PhilipsRescaleIntercept": 0,
    "PhilipsRescaleSlope": 0.78706,
    "PhilipsScaleSlope": 0.0525955,
    "ProtocolName": "WIPtask-wm_boldSENSE",
    "PulseSequenceType": "gradient echo EPI",
    "ReconMatrixPE": 80,
    "RepetitionTime": 2,
    "SeriesDescription": "ImageMRSERIES",
    "SeriesNumber": 3,
    "SliceEncodingDirection": "k",
    "SliceTiming": [
      0.0,
      0.0556,
      0.1111,
      0.1667,
      0.2222,
      0.2778,
      0.3333,
      0.3889,
      0.4444,
      0.5,
      0.5556,
      0.6111,
      0.6667,
      0.7222,
      0.7778,
      0.8333,
      0.8889,
      0.9444,
      1.0,
      1.0556,
      1.1111,
      1.1667,
      1.2222,
      1.2778,
      1.3333,
      1.3889,
      1.4444,
      1.5,
      1.5556,
      1.6111,
      1.6667,
      1.7222,
      1.7778,
      1.8333,
      1.8889,
      1.9444
    ],
    "TaskName": "workingmemory",
    "TotalReadoutTime": 0.026945238983542674,
    "UsePhilipsFloatNotDisplayScaling": 1,
    "WaterFatShift": 12,
    "acq_id": "seq",
    "dataset": "ds002790",
    "modality": "bold",
    "subject_id": "0168",
    "task_id": "workingmemory"
  },
  "dummy_trs": 0,
  "dvars_nstd": 18.18573038201256,
  "dvars_std": 1.3038979599371066,
  "dvars_vstd": 1.0109866472327047,
  "efc": 0.40667424586606443,
  "fber": 299153.84375,
  "fd_mean": 0.10286699296883323,
  "fd_num": 9,
  "fd_perc": 5.625,
  "fwhm_avg": 2.068089100351401,
  "fwhm_x": 2.0347166666666667,
  "fwhm_y": 2.2091566666666664,
  "fwhm_z": 1.9603939677208693,
  "gcor": 0.0321619,
  "gsr_x": -0.015706036239862442,
  "gsr_y": 0.009451017715036869,
  "provenance": {
    "md5sum": "5bec02f308aeb30063c676bbadcb2632",
    "settings": {
      "fd_thres": 0.2,
      "testing": false
    },
    "software": "mriqc",
    "version": "22.0.0rc1",
    "webapi_port": null,
    "webapi_url": "https://mriqc.nimh.nih.gov/api/v1"
  },
  "size_t": 160,
  "size_x": 80,
  "size_y": 80,
  "size_z": 36,
  "snr": 5.5326473159535725,
  "spacing_tr": 2.0,
  "spacing_x": 3.0,
  "spacing_y": 3.0,
  "spacing_z": 3.299999952316284,
  "summary_bg_k": 143.77621587174335,
  "summary_bg_mad": 51.25838253515486,
  "summary_bg_mean": 413.13232421875,
  "summary_bg_median": 47.06957244873047,
  "summary_bg_n": 156896.0,
  "summary_bg_p05": 1.981726884841919,
  "summary_bg_p95": 1802.5136108398438,
  "summary_bg_stdv": 1478.1112060546875,
  "summary_fg_k": 1.7584203949408943,
  "summary_fg_mad": 4413.440399405039,
  "summary_fg_mean": 27241.3359375,
  "summary_fg_median": 26772.931640625,
  "summary_fg_n": 33246.0,
  "summary_fg_p05": 20291.38232421875,
  "summary_fg_p95": 35357.4775390625,
  "summary_fg_stdv": 4839.0087890625,
  "tsnr": 113.16619873046875
}