{
  "aor": 0.0037385925925925924,
  "aqi": 0.0035250159259259256,
  "bids_meta": {
    "AcquisitionNumber": 8,
    "BidsifyVersion": "0.3.5",
    "ConversionSoftware": "dcm2niix",
    "ConversionSoftwareVersion": "v1.0.20181125  GCC6.3.0",
    "EchoTime": 0.02763,
    "EffectiveEchoSpacing": 0.0006909035636805814,
    "FlipAngle": 76.1,
    "ImageComments": "PIOP2",
    "ImageOrientationPatientDICOM": [
      0.997917,
      0.0378819,
      -0.0522079,
      -0.0446171,
      0.989901,
      -0.134555
    ],
    "Manufacturer": "Philips",
    "NumberOfVolumesDiscardedByScanner": 2,
    "ParallelAcquisitionTechnique": "SENSE",
    "ParallelReductionFactorInPlane": 2,
    "PatientPosition": "HFS",
    "PhaseEncodingDirection": "j",
    "PhilipsRescaleIntercept": 0,
    "PhilipsRescaleSlope": 0.75311,
    "PhilipsScaleSlope": 0.048686,
    "ProtocolName": "WIPtask-harriri_boldSENSE",
    "PulseSequenceType": "gradient echo EPI",
    "ReconMatrixPE": 80,
    "RepetitionTime": 2,
    "SeriesDescription": "ImageMRSERIES",
    "SeriesNumber": 8,
    "SliceEncodingDirection": "k",
    "SliceTiming": [
      0.0,
      0.0556,
      0.1111,
      0.1667,
      0.2222,
      0.2778,
      0.3333,
      0.3889,
      0.4444,
      0.5,
      0.5556,
      0.6111,
      0.6667,
      0.7222,
      0.7778,
      0.8333,
      0.8889,
      0.9444,
      1.0,
      1.0556,
      1.1111,
      1.1667,
      1.2222,
      1.2778,
      1.3333,
      1.3889,
      1.4444,
      1.5,
      1.5556,
      1.6111,
      1.6667,
      1.7222,
      1.7778,
      1.8333,
      1.8889,
      1.9444
    ],
    "TaskName": "emomatching",
    "TotalReadoutTime": 0.026945238983542674,
    "UsePhilipsFloatNotDisplayScaling": 1,
    "WaterFatShift": 12,
    "acq_id": "seq",
    "dataset": "ds002790",
    "modality": "bold",
    "subject_id": "0091",
    "task_id": "emomatching"
  },
  "dummy_trs": 0,
  "dvars_nstd": 19.074738132388063,
  "dvars_std": 1.3631820147761198,
  "dvars_vstd": 1.0240626167910445,
  "efc": 0.4056605417583,
  "fber": 284071.28125,
  "fd_mean": 0.09739598006750541,
  "fd_num": 4,
  "fd_perc": 2.962962962962963,
  "fwhm_avg": 2.0295624331517046,
  "fwhm_x": 2.03605,
  "fwhm_y": 2.20291,
  "fwhm_z": 1.8497272994551124,
  "gcor": 0.0238418,
  "gsr_x": -0.023952631279826164,
  "gsr_y": 0.014359335415065289,
  "provenance": {
    "md5sum": "ae6a827c7fdb3994e674a98841be4008",
    "settings": {
      "fd_thres": 0.2,
      "testing": false
    },
    "software": "mriqc",
    "version": "22.0.0rc1",
    "webapi_port": null,
    "webapi_url": "https://mriqc.nimh.nih.gov/api/v1"
  },
  "size_t": 135,
  "size_x": 80,
  "size_y": 80,
  "size_z": 36,
  "snr": 6.0989639549589585,
  "spacing_tr": 2.0,
  "spacing_x": 3.0,
  "spacing_y": 3.0,
  "spacing_z": 3.299999952316284,
  "summary_bg_k": 62.70162042075063,
  "summary_bg_mad": 62.324813560415954,
  "summary_bg_mean": 689.2882080078125,
  "summary_bg_median": 56.6656379699707,
  "summary_bg_n": 160075.0,
  "summary_bg_p05": 4.735368490219116,
  "summary_bg_p95": 3471.429931640624,
  "summary_bg_stdv": 2105.201904296875,
  "summary_fg_k": 1.9065273719004097,
  "summary_fg_mad": 4563.2136284024145,
  "summary_fg_mean": 31237.14453125,
  "summary_fg_median": 30852.755859375,
  "summary_fg_n": 30642.0,
  "summary_fg_p05": 23744.16025390625,
  "summary_fg_p95": 39616.747265624996,
  "summary_fg_stdv": 5058.60546875,
  "tsnr": 95.92279815673828
}