{
  "bids_meta": {
    "AcquisitionNumber": 2,
    "BidsifyVersion": "0.3.5",
    "ConversionSoftware": "dcm2niix",
    "ConversionSoftwareVersion": "v1.0.20181125  GCC6.3.0",
    "EchoTime": 0.00382,
    "ImageComments": "PIOP2",
    "ImageOrientationPatientDICOM": [
      0.997071,
      0.0704998,
      0.0296564,
      -0.0660506,
      0.989197,
      -0.130869
    ],
    "Manufacturer": "Philips",
    "NumberSignalAcquisitions": 2,
    "PatientPosition": "HFS",
    "PhilipsRescaleIntercept": 0,
    "PhilipsRescaleSlope": 9.19902,
    "PhilipsScaleSlope": 0.00761346,
    "ProtocolName": "WIPT1anat_acq-6m_T1wSENSE",
    "ReconMatrixPE": 240,
    "RepetitionTime": 0.008293,
    "SeriesDescription": "ImageMRSERIES",
    "SeriesNumber": 2,
    "UsePhilipsFloatNotDisplayScaling": 1,
    "dataset": "ds002790",
    "modality": "T1w",
    "subject_id": "0107"
  },
  "cjv": 0.2524967836323486,
  "cnr": 4.748269373973052,
  "efc": 0.7604118113188637,
  "fber": 1628.88525390625,
  "fwhm_avg": 4.589993333333333,
  "fwhm_x": 4.35754,
  "fwhm_y": 4.60456,
  "fwhm_z": 4.80788,
  "icvs_csf": 0.2540670144507016,
  "icvs_gm": 0.3928492946584009,
  "icvs_wm": 0.3530836908908974,
  "inu_med": 1.800985336303711,
  "inu_range": 0.35470031499862653,
  "provenance": {
    "md5sum": "53fcb4d28fdbd45e4f89be3d3c5b78b6",
    "settings": {
      "testing": false
    },
    "software": "mriqc",
    "version": "22.0.0rc1",
    "warnings": {
      "large_rot_frame": true,
      "small_air_mask": true
    },
    "webapi_port": null,
    "webapi_url": "https://mriqc.nimh.nih.gov/api/v1"
  },
  "qi_1": 0.0,
  "qi_2": 0.00013578069731550764,
  "rpve_csf": 26.147942912812145,
  "rpve_gm": 16.57414231856114,
  "rpve_wm": 24.036592177173542,
  "size_x": 240,
  "size_y": 240,
  "size_z": 220,
  "snr_csf": 2.5858005379471902,
  "snr_gm": 9.697744348710362,
  "snr_total": 13.769167247440206,
  "snr_wm": 29.023956855663066,
  "snrd_csf": 25.690587948681642,
  "snrd_gm": 53.03623850710058,
  "snrd_total": 53.71521346414602,
  "snrd_wm": 82.41881393665584,
  "spacing_x": 1.0,
  "spacing_y": 1.0,
  "spacing_z": 1.0,
  "summary_bg_k": 105.28205538834267,
  "summary_bg_mad": 7.948792616963141,
  "summary_bg_mean": 8.96889591217041,
  "summary_bg_median": 5.588493824005127,
  "summary_bg_n": 133095.0,
  "summary_bg_p05": 0.0,
  "summary_bg_p95": 21.91089534759521,
  "summary_bg_stdv": 6.8711042404174805,
  "summary_csf_k": 56.342636757808485,
  "summary_csf_mad": 123.2674612712584,
  "summary_csf_mean": 301.594970703125,
  "summary_csf_median": 311.7048034667969,
  "summary_csf_n": 18088.0,
  "summary_csf_p05": 115.57324829101563,
  "summary_csf_p95": 454.9212158203125,
  "summary_csf_stdv": 120.54146575927734,
  "summary_gm_k": 0.7094652619618924,
  "summary_gm_mad": 60.26238692711216,
  "summary_gm_mean": 650.9476928710938,
  "summary_gm_median": 643.4905395507812,
  "summary_gm_n": 19665.0,
  "summary_gm_p05": 557.1287841796875,
  "summary_gm_p95": 774.9918701171874,
  "summary_gm_stdv": 66.35297393798828,
  "summary_wm_k": 1.692202940020933,
  "summary_wm_mad": 29.75267020427819,
  "summary_wm_mean": 997.3402709960938,
  "summary_wm_median": 999.9903564453125,
  "summary_wm_n": 189231.0,
  "summary_wm_p05": 936.7579956054688,
  "summary_wm_p95": 1047.662841796875,
  "summary_wm_stdv": 34.45387268066406,
  "tpm_overlap_csf": 0.1808769255876541,
  "tpm_overlap_gm": 0.4519083499908447,
  "tpm_overlap_wm": 0.521093487739563,
  "wm2max": 0.7262868017111298
}