{
  "aor": 0.00297637037037037,
  "aqi": 0.003130329111111111,
  "bids_meta": {
    "AcquisitionNumber": 8,
    "BidsifyVersion": "0.3.5",
    "ConversionSoftware": "dcm2niix",
    "ConversionSoftwareVersion": "v1.0.20181125  GCC6.3.0",
    "EchoTime": 0.02763,
    "EffectiveEchoSpacing": 0.0006909035636805814,
    "FlipAngle": 76.1,
    "ImageComments": "PIOP2",
    "ImageOrientationPatientDICOM": [
      0.997687,
      -0.0504232,
      0.0455963,
      0.057701,
      0.982738,
      -0.175776
    ],
    "Manufacturer": "Philips",
    "NumberOfVolumesDiscardedByScanner": 2,
    "ParallelAcquisitionTechnique": "SENSE",
    "ParallelReductionFactorInPlane": 2,
    "PatientPosition": "HFS",
    "PhaseEncodingDirection": "j",
    "PhilipsRescaleIntercept": 0,
    "PhilipsRescaleSlope": 0.79731,
    "PhilipsScaleSlope": 0.0548731,
    "ProtocolName": "WIPtask-harriri_boldSENSE",
    "PulseSequenceType": "gradient echo EPI",
    "ReconMatrixPE": 80,
    "RepetitionTime": 2,
    "SeriesDescription": "ImageMRSERIES",
    "SeriesNumber": 8,
    "SliceEncodingDirection": "k",
    "SliceTiming": [
      0.0,
      0.0556,
      0.1111,
      0.1667,
      0.2222,
      0.2778,
      0.3333,
      0.3889,
      0.4444,
      0.5,
      0.5556,
      0.6111,
      0.6667,
      0.7222,
      0.7778,
      0.8333,
      0.8889,
      0.9444,
      1.0,
      1.0556,
      1.1111,
      1.1667,
      1.2222,
      1.2778,
      1.3333,
      1.3889,
      1.4444,
      1.5,
      1.5556,
      1.6111,
      1.6667,
      1.7222,
      1.7778,
      1.8333,
      1.8889,
      1.9444
    ],
    "TaskName": "emomatching",
    "TotalReadoutTime": 0.026945238983542674,
    "UsePhilipsFloatNotDisplayScaling": 1,
    "WaterFatShift": 12,
    "acq_id": "seq",
    "dataset": "ds002790",
    "modality": "bold",
    "subject_id": "0166",
    "task_id": "emomatching"
  },
  "dummy_trs": 0,
  "dvars_nstd": 19.11990455350746,
  "dvars_std": 1.3756464711940302,
  "dvars_vstd": 1.0304240729850749,
  "efc": 0.4336821754596308,
  "fber": 191438.34375,
  "fd_mean": 0.08926263757230733,
  "fd_num": 1,
  "fd_perc": 0.7407407407407407,
  "fwhm_avg": 1.8640820286727324,
  "fwhm_x": 1.8462233333333333,
  "fwhm_y": 1.98735,
  "fwhm_z": 1.758672752684864,
  "gcor": 0.0189851,
  "gsr_x": -0.015542796812951565,
  "gsr_y": 0.012429708614945412,
  "provenance": {
    "md5sum": "343bdfa929e971afca273024fdaf3f93",
    "settings": {
      "fd_thres": 0.2,
      "testing": false
    },
    "software": "mriqc",
    "version": "22.0.0rc1",
    "webapi_port": null,
    "webapi_url": "https://mriqc.nimh.nih.gov/api/v1"
  },
  "size_t": 135,
  "size_x": 80,
  "size_y": 80,
  "size_z": 36,
  "snr": 5.8543286136666595,
  "spacing_tr": 2.0,
  "spacing_x": 3.0,
  "spacing_y": 3.0,
  "spacing_z": 3.299999952316284,
  "summary_bg_k": 48.49250818341211,
  "summary_bg_mad": 66.30554528940169,
  "summary_bg_mean": 715.2239379882812,
  "summary_bg_median": 59.42296600341797,
  "summary_bg_n": 155338.0,
  "summary_bg_p05": 6.808999013900757,
  "summary_bg_p95": 3584.0871337890603,
  "summary_bg_stdv": 2020.073486328125,
  "summary_fg_k": 1.8052124003597818,
  "summary_fg_mad": 4062.369170756033,
  "summary_fg_mean": 26457.568359375,
  "summary_fg_median": 26075.56640625,
  "summary_fg_n": 35004.0,
  "summary_fg_p05": 20058.7361328125,
  "summary_fg_p95": 33935.5466796875,
  "summary_fg_stdv": 4454.00244140625,
  "tsnr": 110.89636993408203
}