{
  "aor": 0.0037193220338983053,
  "aqi": 0.003686873559322034,
  "bids_meta": {
    "AcquisitionNumber": 7,
    "BidsifyVersion": "0.3.5",
    "ConversionSoftware": "dcm2niix",
    "ConversionSoftwareVersion": "v1.0.20181125  GCC6.3.0",
    "EchoTime": 0.02763,
    "EffectiveEchoSpacing": 0.0006909035636805814,
    "FlipAngle": 76.1,
    "ImageComments": "PIOP2",
    "ImageOrientationPatientDICOM": [
      0.997687,
      -0.0504232,
      0.0455963,
      0.057701,
      0.982738,
      -0.175776
    ],
    "Manufacturer": "Philips",
    "NumberOfVolumesDiscardedByScanner": 2,
    "ParallelAcquisitionTechnique": "SENSE",
    "ParallelReductionFactorInPlane": 2,
    "PatientPosition": "HFS",
    "PhaseEncodingDirection": "j",
    "PhilipsRescaleIntercept": 0,
    "PhilipsRescaleSlope": 0.78217,
    "PhilipsScaleSlope": 0.0537087,
    "ProtocolName": "WIPtask-stop_boldSENSE",
    "PulseSequenceType": "gradient echo EPI",
    "ReconMatrixPE": 80,
    "RepetitionTime": 2,
    "SeriesDescription": "ImageMRSERIES",
    "SeriesNumber": 7,
    "SliceEncodingDirection": "k",
    "SliceTiming": [
      0.0,
      0.0556,
      0.1111,
      0.1667,
      0.2222,
      0.2778,
      0.3333,
      0.3889,
      0.4444,
      0.5,
      0.5556,
      0.6111,
      0.6667,
      0.7222,
      0.7778,
      0.8333,
      0.8889,
      0.9444,
      1.0,
      1.0556,
      1.1111,
      1.1667,
      1.2222,
      1.2778,
      1.3333,
      1.3889,
      1.4444,
      1.5,
      1.5556,
      1.6111,
      1.6667,
      1.7222,
      1.7778,
      1.8333,
      1.8889,
      1.9444
    ],
    "TaskName": "stopsignal",
    "TotalReadoutTime": 0.026945238983542674,
    "UsePhilipsFloatNotDisplayScaling": 1,
    "WaterFatShift": 12,
    "acq_id": "seq",
    "dataset": "ds002790",
    "modality": "bold",
    "subject_id": "0166",
    "task_id": "stopsignal"
  },
  "dummy_trs": 0,
  "dvars_nstd": 19.317599714851063,
  "dvars_std": 1.3759052693617022,
  "dvars_vstd": 1.0329724146808508,
  "efc": 0.4330713331574633,
  "fber": 188941.921875,
  "fd_mean": 0.08945460738498011,
  "fd_num": 4,
  "fd_perc": 1.694915254237288,
  "fwhm_avg": 1.8985421298435308,
  "fwhm_x": 1.88914,
  "fwhm_y": 2.01445,
  "fwhm_z": 1.792036389530592,
  "gcor": 0.0158494,
  "gsr_x": -0.015650447458028793,
  "gsr_y": 0.012514428235590458,
  "provenance": {
    "md5sum": "7c3da32568cf87d05dda36cc30f8649e",
    "settings": {
      "fd_thres": 0.2,
      "testing": false
    },
    "software": "mriqc",
    "version": "22.0.0rc1",
    "webapi_port": null,
    "webapi_url": "https://mriqc.nimh.nih.gov/api/v1"
  },
  "size_t": 236,
  "size_x": 80,
  "size_y": 80,
  "size_z": 36,
  "snr": 5.587459018392496,
  "spacing_tr": 2.0,
  "spacing_x": 3.0,
  "spacing_y": 3.0,
  "spacing_z": 3.299999952316284,
  "summary_bg_k": 51.241890416316934,
  "summary_bg_mad": 67.78706091065071,
  "summary_bg_mean": 720.7262573242188,
  "summary_bg_median": 60.63352584838867,
  "summary_bg_n": 155271.0,
  "summary_bg_p05": 6.840296745300293,
  "summary_bg_p95": 3625.111328125,
  "summary_bg_stdv": 2037.849853515625,
  "summary_fg_k": 1.8395792155678814,
  "summary_fg_mad": 4312.763890358372,
  "summary_fg_mean": 26877.04296875,
  "summary_fg_median": 26462.365234375,
  "summary_fg_n": 35042.0,
  "summary_fg_p05": 20112.74365234375,
  "summary_fg_p95": 34703.819140624975,
  "summary_fg_stdv": 4735.9609375,
  "tsnr": 97.8297119140625
}