{
  "aor": 0.005364083333333333,
  "aqi": 0.004022931541666667,
  "bids_meta": {
    "AcquisitionNumber": 4,
    "BidsifyVersion": "0.3.5",
    "ConversionSoftware": "dcm2niix",
    "ConversionSoftwareVersion": "v1.0.20181125  GCC6.3.0",
    "EchoTime": 0.02763,
    "EffectiveEchoSpacing": 0.0006909035636805814,
    "FlipAngle": 76.1,
    "ImageComments": "PIOP2",
    "ImageOrientationPatientDICOM": [
      0.997687,
      -0.0504232,
      0.0455963,
      0.057701,
      0.982738,
      -0.175776
    ],
    "Manufacturer": "Philips",
    "NumberOfVolumesDiscardedByScanner": 2,
    "ParallelAcquisitionTechnique": "SENSE",
    "ParallelReductionFactorInPlane": 2,
    "PatientPosition": "HFS",
    "PhaseEncodingDirection": "j",
    "PhilipsRescaleIntercept": 0,
    "PhilipsRescaleSlope": 0.79219,
    "PhilipsScaleSlope": 0.0516538,
    "ProtocolName": "WIPtask-rest_boldSENSE",
    "PulseSequenceType": "gradient echo EPI",
    "ReconMatrixPE": 80,
    "RepetitionTime": 2,
    "SeriesDescription": "ImageMRSERIES",
    "SeriesNumber": 4,
    "SliceEncodingDirection": "k",
    "SliceTiming": [
      0.0,
      0.0556,
      0.1111,
      0.1667,
      0.2222,
      0.2778,
      0.3333,
      0.3889,
      0.4444,
      0.5,
      0.5556,
      0.6111,
      0.6667,
      0.7222,
      0.7778,
      0.8333,
      0.8889,
      0.9444,
      1.0,
      1.0556,
      1.1111,
      1.1667,
      1.2222,
      1.2778,
      1.3333,
      1.3889,
      1.4444,
      1.5,
      1.5556,
      1.6111,
      1.6667,
      1.7222,
      1.7778,
      1.8333,
      1.8889,
      1.9444
    ],
    "TaskName": "restingstate",
    "TotalReadoutTime": 0.026945238983542674,
    "UsePhilipsFloatNotDisplayScaling": 1,
    "WaterFatShift": 12,
    "acq_id": "seq",
    "dataset": "ds002790",
    "modality": "bold",
    "subject_id": "0166",
    "task_id": "restingstate"
  },
  "dummy_trs": 0,
  "dvars_nstd": 21.062973995983263,
  "dvars_std": 1.4469485766527195,
  "dvars_vstd": 1.0471372050209202,
  "efc": 0.43232323773298004,
  "fber": 194381.03125,
  "fd_mean": 0.11594891602616723,
  "fd_num": 21,
  "fd_perc": 8.75,
  "fwhm_avg": 1.8873959681688557,
  "fwhm_x": 1.8738133333333333,
  "fwhm_y": 2.0084866666666668,
  "fwhm_z": 1.7798879045065665,
  "gcor": 0.0225314,
  "gsr_x": -0.015466091223061085,
  "gsr_y": 0.012784326449036598,
  "provenance": {
    "md5sum": "515c12986f62d9c41805b38a02676227",
    "settings": {
      "fd_thres": 0.2,
      "testing": false
    },
    "software": "mriqc",
    "version": "22.0.0rc1",
    "webapi_port": null,
    "webapi_url": "https://mriqc.nimh.nih.gov/api/v1"
  },
  "size_t": 240,
  "size_x": 80,
  "size_y": 80,
  "size_z": 36,
  "snr": 5.623970898961339,
  "spacing_tr": 2.0,
  "spacing_x": 3.0,
  "spacing_y": 3.0,
  "spacing_z": 3.299999952316284,
  "summary_bg_k": 55.83736179634333,
  "summary_bg_mad": 68.91997251952877,
  "summary_bg_mean": 732.6688842773438,
  "summary_bg_median": 61.86343765258789,
  "summary_bg_n": 155281.0,
  "summary_bg_p05": 7.073531627655029,
  "summary_bg_p95": 3634.240234375,
  "summary_bg_stdv": 2095.79052734375,
  "summary_fg_k": 1.862053477471866,
  "summary_fg_mad": 4436.397568132212,
  "summary_fg_mean": 27853.087890625,
  "summary_fg_median": 27403.265625,
  "summary_fg_n": 35085.0,
  "summary_fg_p05": 20943.512890625,
  "summary_fg_p95": 35986.333593749994,
  "summary_fg_stdv": 4872.513671875,
  "tsnr": 93.57523345947266
}