{
  "bids_meta": {
    "AcquisitionNumber": 2,
    "BidsifyVersion": "0.3.5",
    "ConversionSoftware": "dcm2niix",
    "ConversionSoftwareVersion": "v1.0.20181125  GCC6.3.0",
    "EchoTime": 0.00374,
    "ImageComments": "PIOP2",
    "ImageOrientationPatientDICOM": [
      0.996622,
      0.0275558,
      -0.0773584,
      -0.0283604,
      0.999554,
      -0.00932223
    ],
    "Manufacturer": "Philips",
    "NumberSignalAcquisitions": 2,
    "PatientPosition": "HFS",
    "PhilipsRescaleIntercept": 0,
    "PhilipsRescaleSlope": 8.97314,
    "PhilipsScaleSlope": 0.00720815,
    "ProtocolName": "WIPT1anat_acq-6m_T1wSENSE",
    "ReconMatrixPE": 240,
    "RepetitionTime": 0.008178,
    "SeriesDescription": "ImageMRSERIES",
    "SeriesNumber": 2,
    "UsePhilipsFloatNotDisplayScaling": 1,
    "dataset": "ds002790",
    "modality": "T1w",
    "subject_id": "0196"
  },
  "cjv": 0.26921133285735827,
  "cnr": 4.449229696512949,
  "efc": 0.7873906305929503,
  "fber": 1005.9584350585938,
  "fwhm_avg": 4.545603159436802,
  "fwhm_x": 4.376249478310409,
  "fwhm_y": 4.5541,
  "fwhm_z": 4.70646,
  "icvs_csf": 0.26303784498321947,
  "icvs_gm": 0.40290748202031834,
  "icvs_wm": 0.3340546729964622,
  "inu_med": 0.4339523911476135,
  "inu_range": 0.18332733064889906,
  "provenance": {
    "md5sum": "c81172713675cff713dc620cfc49dde5",
    "settings": {
      "testing": false
    },
    "software": "mriqc",
    "version": "22.0.0rc1",
    "warnings": {
      "large_rot_frame": true,
      "small_air_mask": true
    },
    "webapi_port": null,
    "webapi_url": "https://mriqc.nimh.nih.gov/api/v1"
  },
  "qi_1": 2.6156295072901333e-05,
  "qi_2": 0.0003251434916365235,
  "rpve_csf": 21.919353513456816,
  "rpve_gm": 13.989612025133175,
  "rpve_wm": 21.645322795412568,
  "size_x": 240,
  "size_y": 240,
  "size_z": 220,
  "snr_csf": 3.905658282274487,
  "snr_gm": 9.167728113791187,
  "snr_total": 11.476291977953977,
  "snr_wm": 21.355489537796256,
  "snrd_csf": 21.094847024655813,
  "snrd_gm": 34.62751121970073,
  "snrd_total": 36.93206499202555,
  "snrd_wm": 55.07383673172013,
  "spacing_x": 1.0000001192092896,
  "spacing_y": 1.0,
  "spacing_z": 1.0,
  "summary_bg_k": 3.099627234725662,
  "summary_bg_mad": 11.89568359287259,
  "summary_bg_mean": 11.459555625915527,
  "summary_bg_median": 8.502029418945312,
  "summary_bg_n": 110644.0,
  "summary_bg_p05": 0.0,
  "summary_bg_p95": 25.366275882720945,
  "summary_bg_stdv": 8.154136657714844,
  "summary_csf_k": 6.834430575686769,
  "summary_csf_mad": 91.65099610888385,
  "summary_csf_mean": 371.47784423828125,
  "summary_csf_median": 383.0311279296875,
  "summary_csf_n": 14505.0,
  "summary_csf_p05": 187.96783142089845,
  "summary_csf_p95": 509.2274353027343,
  "summary_csf_stdv": 98.06744384765625,
  "summary_gm_k": 0.6580397045095334,
  "summary_gm_mad": 62.295897489505826,
  "summary_gm_mean": 634.3994140625,
  "summary_gm_median": 628.7514038085938,
  "summary_gm_n": 25423.0,
  "summary_gm_p05": 533.2226989746093,
  "summary_gm_p95": 758.9158935546875,
  "summary_gm_stdv": 68.58177185058594,
  "summary_wm_k": 1.890403990434371,
  "summary_wm_mad": 37.65030508716306,
  "summary_wm_mean": 994.9338989257812,
  "summary_wm_median": 1000.0069580078125,
  "summary_wm_n": 193752.0,
  "summary_wm_p05": 903.9740386962891,
  "summary_wm_p95": 1060.4501403808592,
  "summary_wm_stdv": 46.82657241821289,
  "tpm_overlap_csf": 0.15145663917064667,
  "tpm_overlap_gm": 0.45864060521125793,
  "tpm_overlap_wm": 0.5083746314048767,
  "wm2max": 0.5971788423522492
}