{
  "aor": 0.0019749583333333333,
  "aqi": 0.006560810499999999,
  "bids_meta": {
    "AcquisitionNumber": 4,
    "BidsifyVersion": "0.3.5",
    "ConversionSoftware": "dcm2niix",
    "ConversionSoftwareVersion": "v1.0.20181125  GCC6.3.0",
    "EchoTime": 0.02763,
    "EffectiveEchoSpacing": 0.0006909035636805814,
    "FlipAngle": 76.1,
    "ImageComments": "PIOP2",
    "ImageOrientationPatientDICOM": [
      0.99959,
      0.0111809,
      -0.0263679,
      -0.0146558,
      0.990667,
      -0.135516
    ],
    "Manufacturer": "Philips",
    "NumberOfVolumesDiscardedByScanner": 2,
    "ParallelAcquisitionTechnique": "SENSE",
    "ParallelReductionFactorInPlane": 2,
    "PatientPosition": "HFS",
    "PhaseEncodingDirection": "j",
    "PhilipsRescaleIntercept": 0,
    "PhilipsRescaleSlope": 0.76313,
    "PhilipsScaleSlope": 0.0549771,
    "ProtocolName": "WIPtask-rest_boldSENSE",
    "PulseSequenceType": "gradient echo EPI",
    "ReconMatrixPE": 80,
    "RepetitionTime": 2,
    "SeriesDescription": "ImageMRSERIES",
    "SeriesNumber": 4,
    "SliceEncodingDirection": "k",
    "SliceTiming": [
      0.0,
      0.0556,
      0.1111,
      0.1667,
      0.2222,
      0.2778,
      0.3333,
      0.3889,
      0.4444,
      0.5,
      0.5556,
      0.6111,
      0.6667,
      0.7222,
      0.7778,
      0.8333,
      0.8889,
      0.9444,
      1.0,
      1.0556,
      1.1111,
      1.1667,
      1.2222,
      1.2778,
      1.3333,
      1.3889,
      1.4444,
      1.5,
      1.5556,
      1.6111,
      1.6667,
      1.7222,
      1.7778,
      1.8333,
      1.8889,
      1.9444
    ],
    "TaskName": "restingstate",
    "TotalReadoutTime": 0.026945238983542674,
    "UsePhilipsFloatNotDisplayScaling": 1,
    "WaterFatShift": 12,
    "acq_id": "seq",
    "dataset": "ds002790",
    "modality": "bold",
    "subject_id": "0059",
    "task_id": "restingstate"
  },
  "dummy_trs": 0,
  "dvars_nstd": 19.694381897322177,
  "dvars_std": 1.1472328447698739,
  "dvars_vstd": 0.9443891376987451,
  "efc": 0.446031990614275,
  "fber": 184213.171875,
  "fd_mean": 0.13522013352669424,
  "fd_num": 31,
  "fd_perc": 12.916666666666666,
  "fwhm_avg": 2.0783365750359835,
  "fwhm_x": 2.02184,
  "fwhm_y": 2.2658333333333336,
  "fwhm_z": 1.9473363917746167,
  "gcor": 0.0324872,
  "gsr_x": -0.015532569959759712,
  "gsr_y": 0.01682094670832157,
  "provenance": {
    "md5sum": "dbb09d5cc2af696d3f08cfe647618dd3",
    "settings": {
      "fd_thres": 0.2,
      "testing": false
    },
    "software": "mriqc",
    "version": "22.0.0rc1",
    "webapi_port": null,
    "webapi_url": "https://mriqc.nimh.nih.gov/api/v1"
  },
  "size_t": 240,
  "size_x": 80,
  "size_y": 80,
  "size_z": 36,
  "snr": 4.505364080863127,
  "spacing_tr": 2.0,
  "spacing_x": 3.0,
  "spacing_y": 3.0,
  "spacing_z": 3.299999952316284,
  "summary_bg_k": 49.51489826331435,
  "summary_bg_mad": 58.824003631966946,
  "summary_bg_mean": 587.392578125,
  "summary_bg_median": 55.767486572265625,
  "summary_bg_n": 150379.0,
  "summary_bg_p05": 6.267150259017945,
  "summary_bg_p95": 3028.4639160156266,
  "summary_bg_stdv": 1673.85595703125,
  "summary_fg_k": 1.6112537362196262,
  "summary_fg_mad": 4883.200885343318,
  "summary_fg_mean": 25177.0625,
  "summary_fg_median": 24312.845703125,
  "summary_fg_n": 39138.0,
  "summary_fg_p05": 18219.976464843752,
  "summary_fg_p95": 35237.04238281251,
  "summary_fg_stdv": 5396.35302734375,
  "tsnr": 67.59378814697266
}