{
  "aor": 0.0012504583333333332,
  "aqi": 0.005444321375,
  "bids_meta": {
    "AcquisitionNumber": 4,
    "BidsifyVersion": "0.3.5",
    "ConversionSoftware": "dcm2niix",
    "ConversionSoftwareVersion": "v1.0.20181125  GCC6.3.0",
    "EchoTime": 0.02763,
    "EffectiveEchoSpacing": 0.0006909035636805814,
    "FlipAngle": 76.1,
    "ImageComments": "PIOP2",
    "ImageOrientationPatientDICOM": [
      0.99835,
      0.0292927,
      -0.049384,
      -0.0264915,
      0.998054,
      0.0564543
    ],
    "Manufacturer": "Philips",
    "NumberOfVolumesDiscardedByScanner": 2,
    "ParallelAcquisitionTechnique": "SENSE",
    "ParallelReductionFactorInPlane": 2,
    "PatientPosition": "HFS",
    "PhaseEncodingDirection": "j",
    "PhilipsRescaleIntercept": 0,
    "PhilipsRescaleSlope": 0.77021,
    "PhilipsScaleSlope": 0.0554653,
    "ProtocolName": "WIPtask-rest_boldSENSE",
    "PulseSequenceType": "gradient echo EPI",
    "ReconMatrixPE": 80,
    "RepetitionTime": 2,
    "SeriesDescription": "ImageMRSERIES",
    "SeriesNumber": 4,
    "SliceEncodingDirection": "k",
    "SliceTiming": [
      0.0,
      0.0556,
      0.1111,
      0.1667,
      0.2222,
      0.2778,
      0.3333,
      0.3889,
      0.4444,
      0.5,
      0.5556,
      0.6111,
      0.6667,
      0.7222,
      0.7778,
      0.8333,
      0.8889,
      0.9444,
      1.0,
      1.0556,
      1.1111,
      1.1667,
      1.2222,
      1.2778,
      1.3333,
      1.3889,
      1.4444,
      1.5,
      1.5556,
      1.6111,
      1.6667,
      1.7222,
      1.7778,
      1.8333,
      1.8889,
      1.9444
    ],
    "TaskName": "restingstate",
    "TotalReadoutTime": 0.026945238983542674,
    "UsePhilipsFloatNotDisplayScaling": 1,
    "WaterFatShift": 12,
    "acq_id": "seq",
    "dataset": "ds002790",
    "modality": "bold",
    "subject_id": "0062",
    "task_id": "restingstate"
  },
  "dummy_trs": 0,
  "dvars_nstd": 20.642760831004185,
  "dvars_std": 1.2665994719246851,
  "dvars_vstd": 0.9711036841422594,
  "efc": 0.42362282327414963,
  "fber": 207835.109375,
  "fd_mean": 0.14826029471090613,
  "fd_num": 45,
  "fd_perc": 18.75,
  "fwhm_avg": 2.0658320295438837,
  "fwhm_x": 2.01639,
  "fwhm_y": 2.241566666666667,
  "fwhm_z": 1.9395394219649837,
  "gcor": 0.0304877,
  "gsr_x": -0.017138848081231117,
  "gsr_y": 0.014526770450174809,
  "provenance": {
    "md5sum": "aa67e1891cf2e7ab421337a05c0103a4",
    "settings": {
      "fd_thres": 0.2,
      "testing": false
    },
    "software": "mriqc",
    "version": "22.0.0rc1",
    "webapi_port": null,
    "webapi_url": "https://mriqc.nimh.nih.gov/api/v1"
  },
  "size_t": 240,
  "size_x": 80,
  "size_y": 80,
  "size_z": 36,
  "snr": 5.848047253877538,
  "spacing_tr": 2.0,
  "spacing_x": 3.0,
  "spacing_y": 3.0,
  "spacing_z": 3.299999952316284,
  "summary_bg_k": 92.52903067861533,
  "summary_bg_mad": 59.539806114121156,
  "summary_bg_mean": 590.6927490234375,
  "summary_bg_median": 57.04755401611328,
  "summary_bg_n": 155695.0,
  "summary_bg_p05": 5.066798543930054,
  "summary_bg_p95": 2862.541088867182,
  "summary_bg_stdv": 1928.8065185546875,
  "summary_fg_k": 2.6836783806448263,
  "summary_fg_mad": 4030.439652470189,
  "summary_fg_mean": 26735.697265625,
  "summary_fg_median": 26388.638671875,
  "summary_fg_n": 34543.0,
  "summary_fg_p05": 20091.2271484375,
  "summary_fg_p95": 34095.8859375,
  "summary_fg_stdv": 4512.3193359375,
  "tsnr": 83.93460845947266
}