{
  "bids_meta": {
    "AcquisitionNumber": 2,
    "BidsifyVersion": "0.3.5",
    "ConversionSoftware": "dcm2niix",
    "ConversionSoftwareVersion": "v1.0.20181125  GCC6.3.0",
    "EchoTime": 0.00376,
    "ImageComments": "PIOP2",
    "ImageOrientationPatientDICOM": [
      0.998695,
      0.0501129,
      0.00984685,
      -0.0505917,
      0.997113,
      0.0566156
    ],
    "Manufacturer": "Philips",
    "NumberSignalAcquisitions": 2,
    "PatientPosition": "HFS",
    "PhilipsRescaleIntercept": 0,
    "PhilipsRescaleSlope": 8.75775,
    "PhilipsScaleSlope": 0.0070892,
    "ProtocolName": "WIPT1anat_acq-6m_T1wSENSE",
    "ReconMatrixPE": 240,
    "RepetitionTime": 0.008179,
    "SeriesDescription": "ImageMRSERIES",
    "SeriesNumber": 2,
    "UsePhilipsFloatNotDisplayScaling": 1,
    "dataset": "ds002790",
    "modality": "T1w",
    "subject_id": "0139"
  },
  "cjv": 0.2536784214273377,
  "cnr": 4.927886397029865,
  "efc": 0.745755710359702,
  "fber": 1517.97021484375,
  "fwhm_avg": 4.53092,
  "fwhm_x": 4.17092,
  "fwhm_y": 4.62721,
  "fwhm_z": 4.79463,
  "icvs_csf": 0.28590208069962825,
  "icvs_gm": 0.3760700763992274,
  "icvs_wm": 0.33802784290114435,
  "inu_med": 1.662310004234314,
  "inu_range": 0.3134718775749208,
  "provenance": {
    "md5sum": "a409e1dd493825fed0b6aecc18907474",
    "settings": {
      "testing": false
    },
    "software": "mriqc",
    "version": "22.0.0rc1",
    "warnings": {
      "large_rot_frame": true,
      "small_air_mask": true
    },
    "webapi_port": null,
    "webapi_url": "https://mriqc.nimh.nih.gov/api/v1"
  },
  "qi_1": 0.00010807105517490528,
  "qi_2": 6.687005017661666e-05,
  "rpve_csf": 25.69863027705295,
  "rpve_gm": 17.6612861759953,
  "rpve_wm": 25.69471090650086,
  "size_x": 240,
  "size_y": 240,
  "size_z": 220,
  "snr_csf": 3.6319724471635486,
  "snr_gm": 11.217725524401278,
  "snr_total": 12.957306642386335,
  "snr_wm": 24.02222195559418,
  "snrd_csf": 26.441869363054202,
  "snrd_gm": 55.08532047201191,
  "snrd_total": 55.5334584133574,
  "snrd_wm": 85.07318540500609,
  "spacing_x": 1.0,
  "spacing_y": 1.0,
  "spacing_z": 1.0,
  "summary_bg_k": 37.750916490750704,
  "summary_bg_mad": 7.7008328197138844,
  "summary_bg_mean": 8.12758731842041,
  "summary_bg_median": 5.3075761795043945,
  "summary_bg_n": 172783.0,
  "summary_bg_p05": 0.0,
  "summary_bg_p95": 21.161294555664064,
  "summary_bg_stdv": 7.222038745880127,
  "summary_csf_k": 0.17984822034745918,
  "summary_csf_mad": 85.57814331291289,
  "summary_csf_mean": 304.3217468261719,
  "summary_csf_median": 310.812255859375,
  "summary_csf_n": 13270.0,
  "summary_csf_p05": 149.1639259338379,
  "summary_csf_p95": 428.9573364257812,
  "summary_csf_stdv": 85.573486328125,
  "summary_gm_k": 0.6615250241004715,
  "summary_gm_mad": 53.22590829498465,
  "summary_gm_mean": 648.7001342773438,
  "summary_gm_median": 647.5031127929688,
  "summary_gm_n": 16870.0,
  "summary_gm_p05": 558.1084350585937,
  "summary_gm_p95": 747.0829833984375,
  "summary_gm_stdv": 57.7197151184082,
  "summary_wm_k": 0.983456189682105,
  "summary_wm_mad": 36.19417144464091,
  "summary_wm_mean": 996.1702880859375,
  "summary_wm_median": 999.9969482421875,
  "summary_wm_n": 159257.0,
  "summary_wm_p05": 919.2709106445312,
  "summary_wm_p95": 1057.7270751953124,
  "summary_wm_stdv": 41.627864837646484,
  "tpm_overlap_csf": 0.14568592607975006,
  "tpm_overlap_gm": 0.4167686402797699,
  "tpm_overlap_wm": 0.4886121153831482,
  "wm2max": 0.8360416486564827
}