{
  "bids_meta": {
    "AcquisitionNumber": 2,
    "BidsifyVersion": "0.3.5",
    "ConversionSoftware": "dcm2niix",
    "ConversionSoftwareVersion": "v1.0.20181125  GCC6.3.0",
    "EchoTime": 0.00382,
    "ImageComments": "PIOP2",
    "ImageOrientationPatientDICOM": [
      0.99959,
      0.00960209,
      -0.026983,
      -0.0146558,
      0.98092,
      -0.19386
    ],
    "Manufacturer": "Philips",
    "NumberSignalAcquisitions": 2,
    "PatientPosition": "HFS",
    "PhilipsRescaleIntercept": 0,
    "PhilipsRescaleSlope": 9.0547,
    "PhilipsScaleSlope": 0.00729002,
    "ProtocolName": "WIPT1anat_acq-6m_T1wSENSE",
    "ReconMatrixPE": 240,
    "RepetitionTime": 0.008316,
    "SeriesDescription": "ImageMRSERIES",
    "SeriesNumber": 2,
    "UsePhilipsFloatNotDisplayScaling": 1,
    "dataset": "ds002790",
    "modality": "T1w",
    "subject_id": "0059"
  },
  "cjv": 0.25127940582123626,
  "cnr": 4.8153617980124315,
  "efc": 0.7617944032238307,
  "fber": 1710.996337890625,
  "fwhm_avg": 4.519830177867026,
  "fwhm_x": 4.2105902509707365,
  "fwhm_y": 4.60715,
  "fwhm_z": 4.741750282630341,
  "icvs_csf": 0.24315790983517432,
  "icvs_gm": 0.39999004994394943,
  "icvs_wm": 0.35685204022087624,
  "inu_med": 1.7568628787994385,
  "inu_range": 0.35704407095909074,
  "provenance": {
    "md5sum": "48f335296c15db94c155460781aab567",
    "settings": {
      "testing": false
    },
    "software": "mriqc",
    "version": "22.0.0rc1",
    "warnings": {
      "large_rot_frame": true,
      "small_air_mask": true
    },
    "webapi_port": null,
    "webapi_url": "https://mriqc.nimh.nih.gov/api/v1"
  },
  "qi_1": 0.00015653679228488468,
  "qi_2": 0.00012130334821874605,
  "rpve_csf": 23.81956146179402,
  "rpve_gm": 14.46757507407386,
  "rpve_wm": 21.104779196242834,
  "size_x": 240,
  "size_y": 240,
  "size_z": 220,
  "snr_csf": 2.147274172924032,
  "snr_gm": 8.938718788240987,
  "snr_total": 12.774838315791285,
  "snr_wm": 27.23852198620884,
  "snrd_csf": 17.994865708413325,
  "snrd_gm": 53.06920418458703,
  "snrd_total": 52.19253033646413,
  "snrd_wm": 85.51352111639204,
  "spacing_x": 0.9999999403953552,
  "spacing_y": 1.0,
  "spacing_z": 0.9999999403953552,
  "summary_bg_k": 4.773167158442564,
  "summary_bg_mad": 7.661132076618191,
  "summary_bg_mean": 8.5607328414917,
  "summary_bg_median": 5.395374774932861,
  "summary_bg_n": 159487.0,
  "summary_bg_p05": 0.0,
  "summary_bg_p95": 21.26758346557617,
  "summary_bg_stdv": 6.33729887008667,
  "summary_csf_k": 31.38298674946833,
  "summary_csf_mad": 100.68831810364425,
  "summary_csf_mean": 222.89466857910156,
  "summary_csf_median": 210.43106079101562,
  "summary_csf_n": 13011.0,
  "summary_csf_p05": 95.19815826416016,
  "summary_csf_p95": 378.11802673339844,
  "summary_csf_stdv": 97.99539184570312,
  "summary_gm_k": 0.8751029635442218,
  "summary_gm_mad": 62.857348018358245,
  "summary_gm_mean": 625.6038208007812,
  "summary_gm_median": 620.588623046875,
  "summary_gm_n": 23504.0,
  "summary_gm_p05": 522.3203155517579,
  "summary_gm_p95": 749.4088989257813,
  "summary_gm_stdv": 69.42554473876953,
  "summary_wm_k": 1.2227475080730406,
  "summary_wm_mad": 32.47861681257059,
  "summary_wm_mean": 996.941650390625,
  "summary_wm_median": 999.9908447265625,
  "summary_wm_n": 209772.0,
  "summary_wm_p05": 931.536410522461,
  "summary_wm_p95": 1050.8578735351562,
  "summary_wm_stdv": 36.71228790283203,
  "tpm_overlap_csf": 0.16766661405563354,
  "tpm_overlap_gm": 0.4290125072002411,
  "tpm_overlap_wm": 0.49966201186180115,
  "wm2max": 0.8477670670885515
}