{
  "bids_meta": {
    "AcquisitionNumber": 2,
    "BidsifyVersion": "0.3.5",
    "ConversionSoftware": "dcm2niix",
    "ConversionSoftwareVersion": "v1.0.20181125  GCC6.3.0",
    "EchoTime": 0.00383,
    "ImageComments": "PIOP2",
    "ImageOrientationPatientDICOM": [
      0.998117,
      0.0589285,
      -0.017002,
      -0.0556287,
      0.986558,
      0.153653
    ],
    "Manufacturer": "Philips",
    "NumberSignalAcquisitions": 2,
    "PatientPosition": "HFS",
    "PhilipsRescaleIntercept": 0,
    "PhilipsRescaleSlope": 9.33407,
    "PhilipsScaleSlope": 0.00723778,
    "ProtocolName": "WIPT1anat_acq-6m_T1wSENSE",
    "ReconMatrixPE": 240,
    "RepetitionTime": 0.008305,
    "SeriesDescription": "ImageMRSERIES",
    "SeriesNumber": 2,
    "UsePhilipsFloatNotDisplayScaling": 1,
    "dataset": "ds002790",
    "modality": "T1w",
    "subject_id": "0034"
  },
  "cjv": 0.2660740399769223,
  "cnr": 4.497012962445606,
  "efc": 0.7543779539942397,
  "fber": 1278.4669189453125,
  "fwhm_avg": 4.668889809211119,
  "fwhm_x": 4.38115,
  "fwhm_y": 4.82416,
  "fwhm_z": 4.801359427633353,
  "icvs_csf": 0.27686559243815506,
  "icvs_gm": 0.3691712551998212,
  "icvs_wm": 0.35396315236202375,
  "inu_med": 2.151028871536255,
  "inu_range": 0.4739918231964113,
  "provenance": {
    "md5sum": "38b298b8fd3edf7ea7856e01899877df",
    "settings": {
      "testing": false
    },
    "software": "mriqc",
    "version": "22.0.0rc1",
    "warnings": {
      "large_rot_frame": true,
      "small_air_mask": true
    },
    "webapi_port": null,
    "webapi_url": "https://mriqc.nimh.nih.gov/api/v1"
  },
  "qi_1": 0.0,
  "qi_2": 0.00014006161328131833,
  "rpve_csf": 22.749357368419144,
  "rpve_gm": 15.534717218291673,
  "rpve_wm": 21.890916826576596,
  "size_x": 240,
  "size_y": 240,
  "size_z": 220,
  "snr_csf": 2.976278920070429,
  "snr_gm": 9.482423402160636,
  "snr_total": 13.069695793808549,
  "snr_wm": 26.750385059194585,
  "snrd_csf": 21.75683539594331,
  "snrd_gm": 47.52545532016492,
  "snrd_total": 47.53457132389979,
  "snrd_wm": 73.32142325559113,
  "spacing_x": 1.0,
  "spacing_y": 1.0,
  "spacing_z": 1.0000001192092896,
  "summary_bg_k": 74.70099005011988,
  "summary_bg_mad": 8.935077222586719,
  "summary_bg_mean": 8.551265716552734,
  "summary_bg_median": 6.1280927658081055,
  "summary_bg_n": 148031.0,
  "summary_bg_p05": 0.0,
  "summary_bg_p95": 18.569679260253906,
  "summary_bg_stdv": 7.127120018005371,
  "summary_csf_k": -0.3426194755982084,
  "summary_csf_mad": 98.78945793804846,
  "summary_csf_mean": 282.8243713378906,
  "summary_csf_median": 296.7305908203125,
  "summary_csf_n": 19113.0,
  "summary_csf_p05": 98.5794891357422,
  "summary_csf_p95": 419.4573425292968,
  "summary_csf_stdv": 99.69590759277344,
  "summary_gm_k": 0.6840999786265929,
  "summary_gm_mad": 61.459219015854536,
  "summary_gm_mean": 652.7394409179688,
  "summary_gm_median": 648.1759033203125,
  "summary_gm_n": 24940.0,
  "summary_gm_p05": 547.59296875,
  "summary_gm_p95": 774.0060821533203,
  "summary_gm_stdv": 68.35414123535156,
  "summary_wm_k": 1.5496055709526182,
  "summary_wm_mad": 32.15049696123384,
  "summary_wm_mean": 997.2255249023438,
  "summary_wm_median": 999.9942016601562,
  "summary_wm_n": 214751.0,
  "summary_wm_p05": 930.6343688964844,
  "summary_wm_p95": 1052.6439819335938,
  "summary_wm_stdv": 37.3823356628418,
  "tpm_overlap_csf": 0.1610449105501175,
  "tpm_overlap_gm": 0.4240345060825348,
  "tpm_overlap_wm": 0.5160474181175232,
  "wm2max": 0.8233466435591096
}