{
  "aor": 0.004755833333333333,
  "aqi": 0.006620345208333334,
  "bids_meta": {
    "AcquisitionNumber": 4,
    "BidsifyVersion": "0.3.5",
    "ConversionSoftware": "dcm2niix",
    "ConversionSoftwareVersion": "v1.0.20181125  GCC6.3.0",
    "EchoTime": 0.02763,
    "EffectiveEchoSpacing": 0.0006909035636805814,
    "FlipAngle": 76.1,
    "ImageComments": "PIOP2",
    "ImageOrientationPatientDICOM": [
      0.999785,
      -0.0136789,
      0.0155912,
      0.0129134,
      0.998755,
      0.0481835
    ],
    "Manufacturer": "Philips",
    "NumberOfVolumesDiscardedByScanner": 2,
    "ParallelAcquisitionTechnique": "SENSE",
    "ParallelReductionFactorInPlane": 2,
    "PatientPosition": "HFS",
    "PhaseEncodingDirection": "j",
    "PhilipsRescaleIntercept": 0,
    "PhilipsRescaleSlope": 0.74261,
    "PhilipsScaleSlope": 0.0557084,
    "ProtocolName": "WIPtask-rest_boldSENSE",
    "PulseSequenceType": "gradient echo EPI",
    "ReconMatrixPE": 80,
    "RepetitionTime": 2,
    "SeriesDescription": "ImageMRSERIES",
    "SeriesNumber": 4,
    "SliceEncodingDirection": "k",
    "SliceTiming": [
      0.0,
      0.0556,
      0.1111,
      0.1667,
      0.2222,
      0.2778,
      0.3333,
      0.3889,
      0.4444,
      0.5,
      0.5556,
      0.6111,
      0.6667,
      0.7222,
      0.7778,
      0.8333,
      0.8889,
      0.9444,
      1.0,
      1.0556,
      1.1111,
      1.1667,
      1.2222,
      1.2778,
      1.3333,
      1.3889,
      1.4444,
      1.5,
      1.5556,
      1.6111,
      1.6667,
      1.7222,
      1.7778,
      1.8333,
      1.8889,
      1.9444
    ],
    "TaskName": "restingstate",
    "TotalReadoutTime": 0.026945238983542674,
    "UsePhilipsFloatNotDisplayScaling": 1,
    "WaterFatShift": 12,
    "acq_id": "seq",
    "dataset": "ds002790",
    "modality": "bold",
    "subject_id": "0100",
    "task_id": "restingstate"
  },
  "dummy_trs": 0,
  "dvars_nstd": 17.51323514008368,
  "dvars_std": 1.127542453640167,
  "dvars_vstd": 0.9997478160669457,
  "efc": 0.4030592408356569,
  "fber": 249580.65625,
  "fd_mean": 0.17440683263141452,
  "fd_num": 63,
  "fd_perc": 26.25,
  "fwhm_avg": 2.020803342415235,
  "fwhm_x": 2.005916666666667,
  "fwhm_y": 2.170926666666667,
  "fwhm_z": 1.8855666939123716,
  "gcor": 0.040742,
  "gsr_x": -0.011564284563064575,
  "gsr_y": 0.0065797739662230015,
  "provenance": {
    "md5sum": "6c92bc9e5c9de3d71e5163d06c12a44c",
    "settings": {
      "fd_thres": 0.2,
      "testing": false
    },
    "software": "mriqc",
    "version": "22.0.0rc1",
    "webapi_port": null,
    "webapi_url": "https://mriqc.nimh.nih.gov/api/v1"
  },
  "size_t": 240,
  "size_x": 80,
  "size_y": 80,
  "size_z": 36,
  "snr": 5.438619870808784,
  "spacing_tr": 2.0,
  "spacing_x": 3.0,
  "spacing_y": 3.0,
  "spacing_z": 3.299999952316284,
  "summary_bg_k": 48.45226021752437,
  "summary_bg_mad": 55.49247664840014,
  "summary_bg_mean": 456.79803466796875,
  "summary_bg_median": 50.55491638183594,
  "summary_bg_n": 158951.0,
  "summary_bg_p05": 4.662428140640259,
  "summary_bg_p95": 2305.7249755859375,
  "summary_bg_stdv": 1281.121826171875,
  "summary_fg_k": 2.2589411373856105,
  "summary_fg_mad": 4171.574986120294,
  "summary_fg_mean": 26162.8125,
  "summary_fg_median": 25612.205078125,
  "summary_fg_n": 31566.0,
  "summary_fg_p05": 19868.58203125,
  "summary_fg_p95": 34088.154296875,
  "summary_fg_stdv": 4709.24609375,
  "tsnr": 68.11195373535156
}