{
  "aor": 0.00202375,
  "aqi": 0.0026029893750000002,
  "bids_meta": {
    "AcquisitionNumber": 3,
    "BidsifyVersion": "0.3.5",
    "ConversionSoftware": "dcm2niix",
    "ConversionSoftwareVersion": "v1.0.20181125  GCC6.3.0",
    "EchoTime": 0.02763,
    "EffectiveEchoSpacing": 0.0006909035636805814,
    "FlipAngle": 76.1,
    "ImageComments": "PIOP2",
    "ImageOrientationPatientDICOM": [
      0.999785,
      -0.0136789,
      0.0155912,
      0.0129134,
      0.998755,
      0.0481835
    ],
    "Manufacturer": "Philips",
    "NumberOfVolumesDiscardedByScanner": 2,
    "ParallelAcquisitionTechnique": "SENSE",
    "ParallelReductionFactorInPlane": 2,
    "PatientPosition": "HFS",
    "PhaseEncodingDirection": "j",
    "PhilipsRescaleIntercept": 0,
    "PhilipsRescaleSlope": 0.75018,
    "PhilipsScaleSlope": 0.0552297,
    "ProtocolName": "WIPtask-wm_boldSENSE",
    "PulseSequenceType": "gradient echo EPI",
    "ReconMatrixPE": 80,
    "RepetitionTime": 2,
    "SeriesDescription": "ImageMRSERIES",
    "SeriesNumber": 3,
    "SliceEncodingDirection": "k",
    "SliceTiming": [
      0.0,
      0.0556,
      0.1111,
      0.1667,
      0.2222,
      0.2778,
      0.3333,
      0.3889,
      0.4444,
      0.5,
      0.5556,
      0.6111,
      0.6667,
      0.7222,
      0.7778,
      0.8333,
      0.8889,
      0.9444,
      1.0,
      1.0556,
      1.1111,
      1.1667,
      1.2222,
      1.2778,
      1.3333,
      1.3889,
      1.4444,
      1.5,
      1.5556,
      1.6111,
      1.6667,
      1.7222,
      1.7778,
      1.8333,
      1.8889,
      1.9444
    ],
    "TaskName": "workingmemory",
    "TotalReadoutTime": 0.026945238983542674,
    "UsePhilipsFloatNotDisplayScaling": 1,
    "WaterFatShift": 12,
    "acq_id": "seq",
    "dataset": "ds002790",
    "modality": "bold",
    "subject_id": "0100",
    "task_id": "workingmemory"
  },
  "dummy_trs": 0,
  "dvars_nstd": 18.12079616194968,
  "dvars_std": 1.2054495232704399,
  "dvars_vstd": 1.0073161681761007,
  "efc": 0.403416749793814,
  "fber": 246129.140625,
  "fd_mean": 0.13846255671541477,
  "fd_num": 16,
  "fd_perc": 10.0,
  "fwhm_avg": 2.0182447565275456,
  "fwhm_x": 2.00208,
  "fwhm_y": 2.17313,
  "fwhm_z": 1.8795242695826366,
  "gcor": 0.0272676,
  "gsr_x": -0.011796019971370697,
  "gsr_y": 0.005696623120456934,
  "provenance": {
    "md5sum": "4d707e61cf6fc840b3bcb4957f586185",
    "settings": {
      "fd_thres": 0.2,
      "testing": false
    },
    "software": "mriqc",
    "version": "22.0.0rc1",
    "webapi_port": null,
    "webapi_url": "https://mriqc.nimh.nih.gov/api/v1"
  },
  "size_t": 160,
  "size_x": 80,
  "size_y": 80,
  "size_z": 36,
  "snr": 5.396449168836824,
  "spacing_tr": 2.0,
  "spacing_x": 3.0,
  "spacing_y": 3.0,
  "spacing_z": 3.299999952316284,
  "summary_bg_k": 51.162754870928204,
  "summary_bg_mad": 56.3560959472004,
  "summary_bg_mean": 457.5457763671875,
  "summary_bg_median": 50.567230224609375,
  "summary_bg_n": 158859.0,
  "summary_bg_p05": 3.852935767173767,
  "summary_bg_p95": 2260.417138671876,
  "summary_bg_stdv": 1320.3922119140625,
  "summary_fg_k": 2.138152787434535,
  "summary_fg_mad": 4180.470599431327,
  "summary_fg_mean": 26001.923828125,
  "summary_fg_median": 25456.923828125,
  "summary_fg_n": 31602.0,
  "summary_fg_p05": 19609.13515625,
  "summary_fg_p95": 33981.42265625,
  "summary_fg_stdv": 4717.2724609375,
  "tsnr": 99.64735412597656
}