{
  "aor": 0.0022744588744588743,
  "aqi": 0.0028345333766233768,
  "bids_meta": {
    "AcquisitionNumber": 7,
    "BidsifyVersion": "0.3.5",
    "ConversionSoftware": "dcm2niix",
    "ConversionSoftwareVersion": "v1.0.20181125  GCC6.3.0",
    "EchoTime": 0.02763,
    "EffectiveEchoSpacing": 0.0006909035636805814,
    "FlipAngle": 76.1,
    "ImageComments": "PIOP2",
    "ImageOrientationPatientDICOM": [
      0.99998,
      0.00606779,
      0.00156414,
      -0.00610861,
      0.999601,
      0.0275637
    ],
    "Manufacturer": "Philips",
    "NumberOfVolumesDiscardedByScanner": 2,
    "ParallelAcquisitionTechnique": "SENSE",
    "ParallelReductionFactorInPlane": 2,
    "PatientPosition": "HFS",
    "PhaseEncodingDirection": "j",
    "PhilipsRescaleIntercept": 0,
    "PhilipsRescaleSlope": 0.75702,
    "PhilipsScaleSlope": 0.0573858,
    "ProtocolName": "WIPtask-stop_boldSENSE",
    "PulseSequenceType": "gradient echo EPI",
    "ReconMatrixPE": 80,
    "RepetitionTime": 2,
    "SeriesDescription": "ImageMRSERIES",
    "SeriesNumber": 7,
    "SliceEncodingDirection": "k",
    "SliceTiming": [
      0.0,
      0.0556,
      0.1111,
      0.1667,
      0.2222,
      0.2778,
      0.3333,
      0.3889,
      0.4444,
      0.5,
      0.5556,
      0.6111,
      0.6667,
      0.7222,
      0.7778,
      0.8333,
      0.8889,
      0.9444,
      1.0,
      1.0556,
      1.1111,
      1.1667,
      1.2222,
      1.2778,
      1.3333,
      1.3889,
      1.4444,
      1.5,
      1.5556,
      1.6111,
      1.6667,
      1.7222,
      1.7778,
      1.8333,
      1.8889,
      1.9444
    ],
    "TaskName": "stopsignal",
    "TotalReadoutTime": 0.026945238983542674,
    "UsePhilipsFloatNotDisplayScaling": 1,
    "WaterFatShift": 12,
    "acq_id": "seq",
    "dataset": "ds002790",
    "modality": "bold",
    "subject_id": "0172",
    "task_id": "stopsignal"
  },
  "dummy_trs": 0,
  "dvars_nstd": 17.388290471478257,
  "dvars_std": 1.2986140692173915,
  "dvars_vstd": 1.0246936593913039,
  "efc": 0.4104709506331272,
  "fber": 284910.21875,
  "fd_mean": 0.10265718937372903,
  "fd_num": 7,
  "fd_perc": 3.0303030303030303,
  "fwhm_avg": 1.9667716250218845,
  "fwhm_x": 1.91899,
  "fwhm_y": 2.1417733333333335,
  "fwhm_z": 1.8395515417323192,
  "gcor": 0.0234268,
  "gsr_x": -0.01835765317082405,
  "gsr_y": 0.013625881634652615,
  "provenance": {
    "md5sum": "490aa3504d17bd86e640a529dd68c4f7",
    "settings": {
      "fd_thres": 0.2,
      "testing": false
    },
    "software": "mriqc",
    "version": "22.0.0rc1",
    "webapi_port": null,
    "webapi_url": "https://mriqc.nimh.nih.gov/api/v1"
  },
  "size_t": 231,
  "size_x": 80,
  "size_y": 80,
  "size_z": 36,
  "snr": 6.562941459679541,
  "spacing_tr": 2.0,
  "spacing_x": 3.0,
  "spacing_y": 3.0,
  "spacing_z": 3.299999952316284,
  "summary_bg_k": 95.54278127016799,
  "summary_bg_mad": 49.885765591986484,
  "summary_bg_mean": 503.0555114746094,
  "summary_bg_median": 48.32416534423828,
  "summary_bg_n": 158450.0,
  "summary_bg_p05": 4.417334365844726,
  "summary_bg_p95": 2566.602917480467,
  "summary_bg_stdv": 1517.2540283203125,
  "summary_fg_k": 1.6663574967555812,
  "summary_fg_mad": 3801.4326281527756,
  "summary_fg_mean": 26705.546875,
  "summary_fg_median": 26308.53515625,
  "summary_fg_n": 32537.0,
  "summary_fg_p05": 21071.312890625,
  "summary_fg_p95": 33435.45703125,
  "summary_fg_stdv": 4008.58837890625,
  "tsnr": 120.36798858642578
}