{
  "aor": 0.0022469375,
  "aqi": 0.00434628975,
  "bids_meta": {
    "AcquisitionNumber": 3,
    "BidsifyVersion": "0.3.5",
    "ConversionSoftware": "dcm2niix",
    "ConversionSoftwareVersion": "v1.0.20181125  GCC6.3.0",
    "EchoTime": 0.02763,
    "EffectiveEchoSpacing": 0.0006909035636805814,
    "FlipAngle": 76.1,
    "ImageComments": "PIOP2",
    "ImageOrientationPatientDICOM": [
      0.99998,
      0.00606779,
      0.00156414,
      -0.00610861,
      0.999601,
      0.0275637
    ],
    "Manufacturer": "Philips",
    "NumberOfVolumesDiscardedByScanner": 2,
    "ParallelAcquisitionTechnique": "SENSE",
    "ParallelReductionFactorInPlane": 2,
    "PatientPosition": "HFS",
    "PhaseEncodingDirection": "j",
    "PhilipsRescaleIntercept": 0,
    "PhilipsRescaleSlope": 0.7685,
    "PhilipsScaleSlope": 0.0553623,
    "ProtocolName": "WIPtask-wm_boldSENSE",
    "PulseSequenceType": "gradient echo EPI",
    "ReconMatrixPE": 80,
    "RepetitionTime": 2,
    "SeriesDescription": "ImageMRSERIES",
    "SeriesNumber": 3,
    "SliceEncodingDirection": "k",
    "SliceTiming": [
      0.0,
      0.0556,
      0.1111,
      0.1667,
      0.2222,
      0.2778,
      0.3333,
      0.3889,
      0.4444,
      0.5,
      0.5556,
      0.6111,
      0.6667,
      0.7222,
      0.7778,
      0.8333,
      0.8889,
      0.9444,
      1.0,
      1.0556,
      1.1111,
      1.1667,
      1.2222,
      1.2778,
      1.3333,
      1.3889,
      1.4444,
      1.5,
      1.5556,
      1.6111,
      1.6667,
      1.7222,
      1.7778,
      1.8333,
      1.8889,
      1.9444
    ],
    "TaskName": "workingmemory",
    "TotalReadoutTime": 0.026945238983542674,
    "UsePhilipsFloatNotDisplayScaling": 1,
    "WaterFatShift": 12,
    "acq_id": "seq",
    "dataset": "ds002790",
    "modality": "bold",
    "subject_id": "0172",
    "task_id": "workingmemory"
  },
  "dummy_trs": 0,
  "dvars_nstd": 19.11909293540881,
  "dvars_std": 1.2654411347169816,
  "dvars_vstd": 0.9933206626415096,
  "efc": 0.41035927799969435,
  "fber": 290956.71875,
  "fd_mean": 0.12044785144012424,
  "fd_num": 10,
  "fd_perc": 6.25,
  "fwhm_avg": 1.9796430391923139,
  "fwhm_x": 1.9266333333333332,
  "fwhm_y": 2.16672,
  "fwhm_z": 1.8455757842436094,
  "gcor": 0.0349176,
  "gsr_x": -0.018214253708720207,
  "gsr_y": 0.012424935586750507,
  "provenance": {
    "md5sum": "986d555b82a8454f9a0ab1af8317fc3f",
    "settings": {
      "fd_thres": 0.2,
      "testing": false
    },
    "software": "mriqc",
    "version": "22.0.0rc1",
    "webapi_port": null,
    "webapi_url": "https://mriqc.nimh.nih.gov/api/v1"
  },
  "size_t": 160,
  "size_x": 80,
  "size_y": 80,
  "size_z": 36,
  "snr": 6.505327397267993,
  "spacing_tr": 2.0,
  "spacing_x": 3.0,
  "spacing_y": 3.0,
  "spacing_z": 3.299999952316284,
  "summary_bg_k": 82.8462062736319,
  "summary_bg_mad": 49.284548572774305,
  "summary_bg_mean": 499.8575744628906,
  "summary_bg_median": 47.639495849609375,
  "summary_bg_n": 158412.0,
  "summary_bg_p05": 4.63922336101532,
  "summary_bg_p95": 2507.1731689453036,
  "summary_bg_stdv": 1530.7330322265625,
  "summary_fg_k": 1.7418675394601308,
  "summary_fg_mad": 3806.4740548371865,
  "summary_fg_mean": 26557.01171875,
  "summary_fg_median": 26153.69921875,
  "summary_fg_n": 32607.0,
  "summary_fg_p05": 20906.7107421875,
  "summary_fg_p95": 33322.594140625,
  "summary_fg_stdv": 4020.289306640625,
  "tsnr": 95.1789779663086
}