{
  "aor": 0.002114577777777778,
  "aqi": 0.004426664222222223,
  "bids_meta": {
    "AcquisitionNumber": 7,
    "BidsifyVersion": "0.3.5",
    "ConversionSoftware": "dcm2niix",
    "ConversionSoftwareVersion": "v1.0.20181125  GCC6.3.0",
    "EchoTime": 0.02763,
    "EffectiveEchoSpacing": 0.0006909035636805814,
    "FlipAngle": 76.1,
    "ImageComments": "PIOP2",
    "ImageOrientationPatientDICOM": [
      0.998905,
      0.0401881,
      -0.0239474,
      -0.0427398,
      0.992113,
      -0.117835
    ],
    "Manufacturer": "Philips",
    "NumberOfVolumesDiscardedByScanner": 2,
    "ParallelAcquisitionTechnique": "SENSE",
    "ParallelReductionFactorInPlane": 2,
    "PatientPosition": "HFS",
    "PhaseEncodingDirection": "j",
    "PhilipsRescaleIntercept": 0,
    "PhilipsRescaleSlope": 0.78877,
    "PhilipsScaleSlope": 0.0531378,
    "ProtocolName": "WIPtask-stop_boldSENSE",
    "PulseSequenceType": "gradient echo EPI",
    "ReconMatrixPE": 80,
    "RepetitionTime": 2,
    "SeriesDescription": "ImageMRSERIES",
    "SeriesNumber": 7,
    "SliceEncodingDirection": "k",
    "SliceTiming": [
      0.0,
      0.0556,
      0.1111,
      0.1667,
      0.2222,
      0.2778,
      0.3333,
      0.3889,
      0.4444,
      0.5,
      0.5556,
      0.6111,
      0.6667,
      0.7222,
      0.7778,
      0.8333,
      0.8889,
      0.9444,
      1.0,
      1.0556,
      1.1111,
      1.1667,
      1.2222,
      1.2778,
      1.3333,
      1.3889,
      1.4444,
      1.5,
      1.5556,
      1.6111,
      1.6667,
      1.7222,
      1.7778,
      1.8333,
      1.8889,
      1.9444
    ],
    "TaskName": "stopsignal",
    "TotalReadoutTime": 0.026945238983542674,
    "UsePhilipsFloatNotDisplayScaling": 1,
    "WaterFatShift": 12,
    "acq_id": "seq",
    "dataset": "ds002790",
    "modality": "bold",
    "subject_id": "0015",
    "task_id": "stopsignal"
  },
  "dummy_trs": 0,
  "dvars_nstd": 18.293444518303577,
  "dvars_std": 1.2588500908035718,
  "dvars_vstd": 1.0169691390625,
  "efc": 0.4305992528364724,
  "fber": 302789.125,
  "fd_mean": 0.09361376039417928,
  "fd_num": 3,
  "fd_perc": 1.3333333333333333,
  "fwhm_avg": 1.8473786952963716,
  "fwhm_x": 1.7857200000000002,
  "fwhm_y": 2.006676666666667,
  "fwhm_z": 1.7497394192224476,
  "gcor": 0.0408726,
  "gsr_x": -0.018817177042365074,
  "gsr_y": 0.014371383935213089,
  "provenance": {
    "md5sum": "66ce647bafb849e3badec828e2ad5fb6",
    "settings": {
      "fd_thres": 0.2,
      "testing": false
    },
    "software": "mriqc",
    "version": "22.0.0rc1",
    "webapi_port": null,
    "webapi_url": "https://mriqc.nimh.nih.gov/api/v1"
  },
  "size_t": 225,
  "size_x": 80,
  "size_y": 80,
  "size_z": 36,
  "snr": 6.1113515154292966,
  "spacing_tr": 2.0,
  "spacing_x": 3.0,
  "spacing_y": 3.0,
  "spacing_z": 3.299999952316284,
  "summary_bg_k": 119.98901006075438,
  "summary_bg_mad": 52.18186436440317,
  "summary_bg_mean": 548.7883911132812,
  "summary_bg_median": 45.57502746582031,
  "summary_bg_n": 153526.0,
  "summary_bg_p05": 2.8541720509529114,
  "summary_bg_p95": 2813.9075927734375,
  "summary_bg_stdv": 1868.073974609375,
  "summary_fg_k": 1.3358900095951514,
  "summary_fg_mad": 4068.2199476749593,
  "summary_fg_mean": 26116.033203125,
  "summary_fg_median": 25792.162109375,
  "summary_fg_n": 36036.0,
  "summary_fg_p05": 20008.53955078125,
  "summary_fg_p95": 33109.7138671875,
  "summary_fg_stdv": 4220.31103515625,
  "tsnr": 91.55512237548828
}