{
  "aor": 0.002382125,
  "aqi": 0.004484659625,
  "bids_meta": {
    "AcquisitionNumber": 3,
    "BidsifyVersion": "0.3.5",
    "ConversionSoftware": "dcm2niix",
    "ConversionSoftwareVersion": "v1.0.20181125  GCC6.3.0",
    "EchoTime": 0.02763,
    "EffectiveEchoSpacing": 0.0006909035636805814,
    "FlipAngle": 76.1,
    "ImageComments": "PIOP2",
    "ImageOrientationPatientDICOM": [
      0.998905,
      0.0401881,
      -0.0239474,
      -0.0427398,
      0.992113,
      -0.117835
    ],
    "Manufacturer": "Philips",
    "NumberOfVolumesDiscardedByScanner": 2,
    "ParallelAcquisitionTechnique": "SENSE",
    "ParallelReductionFactorInPlane": 2,
    "PatientPosition": "HFS",
    "PhaseEncodingDirection": "j",
    "PhilipsRescaleIntercept": 0,
    "PhilipsRescaleSlope": 0.79731,
    "PhilipsScaleSlope": 0.050539,
    "ProtocolName": "WIPtask-wm_boldSENSE",
    "PulseSequenceType": "gradient echo EPI",
    "ReconMatrixPE": 80,
    "RepetitionTime": 2,
    "SeriesDescription": "ImageMRSERIES",
    "SeriesNumber": 3,
    "SliceEncodingDirection": "k",
    "SliceTiming": [
      0.0,
      0.0556,
      0.1111,
      0.1667,
      0.2222,
      0.2778,
      0.3333,
      0.3889,
      0.4444,
      0.5,
      0.5556,
      0.6111,
      0.6667,
      0.7222,
      0.7778,
      0.8333,
      0.8889,
      0.9444,
      1.0,
      1.0556,
      1.1111,
      1.1667,
      1.2222,
      1.2778,
      1.3333,
      1.3889,
      1.4444,
      1.5,
      1.5556,
      1.6111,
      1.6667,
      1.7222,
      1.7778,
      1.8333,
      1.8889,
      1.9444
    ],
    "TaskName": "workingmemory",
    "TotalReadoutTime": 0.026945238983542674,
    "UsePhilipsFloatNotDisplayScaling": 1,
    "WaterFatShift": 12,
    "acq_id": "seq",
    "dataset": "ds002790",
    "modality": "bold",
    "subject_id": "0015",
    "task_id": "workingmemory"
  },
  "dummy_trs": 0,
  "dvars_nstd": 22.239868469937097,
  "dvars_std": 1.3463760775471694,
  "dvars_vstd": 1.0096753613836478,
  "efc": 0.42943194221816894,
  "fber": 290536.125,
  "fd_mean": 0.11209303995326013,
  "fd_num": 12,
  "fd_perc": 7.5,
  "fwhm_avg": 1.8569874832114586,
  "fwhm_x": 1.8126633333333333,
  "fwhm_y": 2.0010233333333334,
  "fwhm_z": 1.7572757829677088,
  "gcor": 0.0665816,
  "gsr_x": -0.01819480024278164,
  "gsr_y": 0.013701280578970909,
  "provenance": {
    "md5sum": "6d0f61790e4ee3cc0e55f86435a95fb7",
    "settings": {
      "fd_thres": 0.2,
      "testing": false
    },
    "software": "mriqc",
    "version": "22.0.0rc1",
    "webapi_port": null,
    "webapi_url": "https://mriqc.nimh.nih.gov/api/v1"
  },
  "size_t": 160,
  "size_x": 80,
  "size_y": 80,
  "size_z": 36,
  "snr": 6.077988178165411,
  "spacing_tr": 2.0,
  "spacing_x": 3.0,
  "spacing_y": 3.0,
  "spacing_z": 3.299999952316284,
  "summary_bg_k": 121.71868169515338,
  "summary_bg_mad": 53.38449281678038,
  "summary_bg_mean": 534.9466552734375,
  "summary_bg_median": 47.648826599121094,
  "summary_bg_n": 153444.0,
  "summary_bg_p05": 2.7548959612846375,
  "summary_bg_p95": 2728.07568359375,
  "summary_bg_stdv": 1815.23388671875,
  "summary_fg_k": 1.295449665162912,
  "summary_fg_mad": 4232.638217141264,
  "summary_fg_mean": 26865.986328125,
  "summary_fg_median": 26524.5625,
  "summary_fg_n": 36087.0,
  "summary_fg_p05": 20509.2443359375,
  "summary_fg_p95": 34160.106640624996,
  "summary_fg_stdv": 4363.97607421875,
  "tsnr": 87.19937133789062
}