{
  "aor": 0.006020695652173913,
  "aqi": 0.004534194000000001,
  "bids_meta": {
    "AcquisitionNumber": 7,
    "BidsifyVersion": "0.3.5",
    "ConversionSoftware": "dcm2niix",
    "ConversionSoftwareVersion": "v1.0.20181125  GCC6.3.0",
    "EchoTime": 0.02763,
    "EffectiveEchoSpacing": 0.0006909035636805814,
    "FlipAngle": 76.1,
    "ImageComments": "PIOP2",
    "ImageOrientationPatientDICOM": [
      0.994941,
      0.0965948,
      -0.0275946,
      -0.0938744,
      0.991775,
      0.0870025
    ],
    "Manufacturer": "Philips",
    "NumberOfVolumesDiscardedByScanner": 2,
    "ParallelAcquisitionTechnique": "SENSE",
    "ParallelReductionFactorInPlane": 2,
    "PatientPosition": "HFS",
    "PhaseEncodingDirection": "j",
    "PhilipsRescaleIntercept": 0,
    "PhilipsRescaleSlope": 0.77265,
    "PhilipsScaleSlope": 0.0527096,
    "ProtocolName": "WIPtask-stop_boldSENSE",
    "PulseSequenceType": "gradient echo EPI",
    "ReconMatrixPE": 80,
    "RepetitionTime": 2,
    "SeriesDescription": "ImageMRSERIES",
    "SeriesNumber": 7,
    "SliceEncodingDirection": "k",
    "SliceTiming": [
      0.0,
      0.0556,
      0.1111,
      0.1667,
      0.2222,
      0.2778,
      0.3333,
      0.3889,
      0.4444,
      0.5,
      0.5556,
      0.6111,
      0.6667,
      0.7222,
      0.7778,
      0.8333,
      0.8889,
      0.9444,
      1.0,
      1.0556,
      1.1111,
      1.1667,
      1.2222,
      1.2778,
      1.3333,
      1.3889,
      1.4444,
      1.5,
      1.5556,
      1.6111,
      1.6667,
      1.7222,
      1.7778,
      1.8333,
      1.8889,
      1.9444
    ],
    "TaskName": "stopsignal",
    "TotalReadoutTime": 0.026945238983542674,
    "UsePhilipsFloatNotDisplayScaling": 1,
    "WaterFatShift": 12,
    "acq_id": "seq",
    "dataset": "ds002790",
    "modality": "bold",
    "subject_id": "0083",
    "task_id": "stopsignal"
  },
  "dummy_trs": 0,
  "dvars_nstd": 25.804875011484715,
  "dvars_std": 1.5222040043231444,
  "dvars_vstd": 1.065158175458515,
  "efc": 0.4322440247215114,
  "fber": 232611.03125,
  "fd_mean": 0.13188049077405226,
  "fd_num": 23,
  "fd_perc": 10.0,
  "fwhm_avg": 2.269166878734778,
  "fwhm_x": 2.2304733333333333,
  "fwhm_y": 2.4909,
  "fwhm_z": 2.0861273028710006,
  "gcor": 0.0099177,
  "gsr_x": -0.014826374128460884,
  "gsr_y": 0.01601308025419712,
  "provenance": {
    "md5sum": "c826ceb7a5e8e91bfb11cc4666dc0198",
    "settings": {
      "fd_thres": 0.2,
      "testing": false
    },
    "software": "mriqc",
    "version": "22.0.0rc1",
    "webapi_port": null,
    "webapi_url": "https://mriqc.nimh.nih.gov/api/v1"
  },
  "size_t": 230,
  "size_x": 80,
  "size_y": 80,
  "size_z": 36,
  "snr": 4.664456028887467,
  "spacing_tr": 2.0,
  "spacing_x": 3.0,
  "spacing_y": 3.0,
  "spacing_z": 3.299999952316284,
  "summary_bg_k": 103.59204228049319,
  "summary_bg_mad": 59.77393848408248,
  "summary_bg_mean": 552.4557495117188,
  "summary_bg_median": 52.0379524230957,
  "summary_bg_n": 153100.0,
  "summary_bg_p05": 3.7778585910797124,
  "summary_bg_p95": 2567.5564086914055,
  "summary_bg_stdv": 1684.5352783203125,
  "summary_fg_k": 2.1072721545215387,
  "summary_fg_mad": 4498.555376572313,
  "summary_fg_mean": 26494.64453125,
  "summary_fg_median": 25616.46875,
  "summary_fg_n": 36944.0,
  "summary_fg_p05": 19408.1953125,
  "summary_fg_p95": 36696.0830078125,
  "summary_fg_stdv": 5491.7705078125,
  "tsnr": 84.28671264648438
}