{
  "aor": 0.002698074074074074,
  "aqi": 0.0025344583703703705,
  "bids_meta": {
    "AcquisitionNumber": 8,
    "BidsifyVersion": "0.3.5",
    "ConversionSoftware": "dcm2niix",
    "ConversionSoftwareVersion": "v1.0.20181125  GCC6.3.0",
    "EchoTime": 0.02763,
    "EffectiveEchoSpacing": 0.0006909035636805814,
    "FlipAngle": 76.1,
    "ImageComments": "PIOP2",
    "ImageOrientationPatientDICOM": [
      0.999073,
      -0.0306194,
      -0.0302431,
      0.035063,
      0.986585,
      0.159435
    ],
    "Manufacturer": "Philips",
    "NumberOfVolumesDiscardedByScanner": 2,
    "ParallelAcquisitionTechnique": "SENSE",
    "ParallelReductionFactorInPlane": 2,
    "PatientPosition": "HFS",
    "PhaseEncodingDirection": "j",
    "PhilipsRescaleIntercept": 0,
    "PhilipsRescaleSlope": 0.77485,
    "PhilipsScaleSlope": 0.0444256,
    "ProtocolName": "WIPtask-harriri_boldSENSE",
    "PulseSequenceType": "gradient echo EPI",
    "ReconMatrixPE": 80,
    "RepetitionTime": 2,
    "SeriesDescription": "ImageMRSERIES",
    "SeriesNumber": 8,
    "SliceEncodingDirection": "k",
    "SliceTiming": [
      0.0,
      0.0556,
      0.1111,
      0.1667,
      0.2222,
      0.2778,
      0.3333,
      0.3889,
      0.4444,
      0.5,
      0.5556,
      0.6111,
      0.6667,
      0.7222,
      0.7778,
      0.8333,
      0.8889,
      0.9444,
      1.0,
      1.0556,
      1.1111,
      1.1667,
      1.2222,
      1.2778,
      1.3333,
      1.3889,
      1.4444,
      1.5,
      1.5556,
      1.6111,
      1.6667,
      1.7222,
      1.7778,
      1.8333,
      1.8889,
      1.9444
    ],
    "TaskName": "emomatching",
    "TotalReadoutTime": 0.026945238983542674,
    "UsePhilipsFloatNotDisplayScaling": 1,
    "WaterFatShift": 12,
    "acq_id": "seq",
    "dataset": "ds002790",
    "modality": "bold",
    "subject_id": "0066",
    "task_id": "emomatching"
  },
  "dummy_trs": 0,
  "dvars_nstd": 16.5173962083582,
  "dvars_std": 1.279781793358209,
  "dvars_vstd": 1.0151978513432838,
  "efc": 0.45441703595412275,
  "fber": 261272.84375,
  "fd_mean": 0.1024727271829755,
  "fd_num": 0,
  "fd_perc": 0.0,
  "fwhm_avg": 2.0867822318064886,
  "fwhm_x": 2.0323266666666666,
  "fwhm_y": 2.2381533333333334,
  "fwhm_z": 1.9898666954194661,
  "gcor": 0.028169,
  "gsr_x": -0.017555126920342445,
  "gsr_y": 0.02011316642165184,
  "provenance": {
    "md5sum": "3c6f153a3e640ebf2a3b1608c33c19ff",
    "settings": {
      "fd_thres": 0.2,
      "testing": false
    },
    "software": "mriqc",
    "version": "22.0.0rc1",
    "webapi_port": null,
    "webapi_url": "https://mriqc.nimh.nih.gov/api/v1"
  },
  "size_t": 135,
  "size_x": 80,
  "size_y": 80,
  "size_z": 36,
  "snr": 5.124790828897329,
  "spacing_tr": 2.0,
  "spacing_x": 3.0,
  "spacing_y": 3.0,
  "spacing_z": 3.299999952316284,
  "summary_bg_k": 78.55428820777136,
  "summary_bg_mad": 64.67474096114344,
  "summary_bg_mean": 618.2581176757812,
  "summary_bg_median": 58.9094123840332,
  "summary_bg_n": 147731.0,
  "summary_bg_p05": 2.374154210090637,
  "summary_bg_p95": 3013.32373046875,
  "summary_bg_stdv": 1959.8350830078125,
  "summary_fg_k": 1.7202819142011379,
  "summary_fg_mad": 5459.49155295465,
  "summary_fg_mean": 31816.14453125,
  "summary_fg_median": 30943.123046875,
  "summary_fg_n": 42191.0,
  "summary_fg_p05": 23915.8486328125,
  "summary_fg_p95": 42591.18359375,
  "summary_fg_stdv": 6037.857421875,
  "tsnr": 111.44235229492188
}