{
  "aor": 0.0027219375,
  "aqi": 0.0021929363125,
  "bids_meta": {
    "AcquisitionNumber": 3,
    "BidsifyVersion": "0.3.5",
    "ConversionSoftware": "dcm2niix",
    "ConversionSoftwareVersion": "v1.0.20181125  GCC6.3.0",
    "EchoTime": 0.02763,
    "EffectiveEchoSpacing": 0.0006909035636805814,
    "FlipAngle": 76.1,
    "ImageComments": "PIOP2",
    "ImageOrientationPatientDICOM": [
      0.999073,
      -0.0306194,
      -0.0302431,
      0.035063,
      0.986585,
      0.159435
    ],
    "Manufacturer": "Philips",
    "NumberOfVolumesDiscardedByScanner": 2,
    "ParallelAcquisitionTechnique": "SENSE",
    "ParallelReductionFactorInPlane": 2,
    "PatientPosition": "HFS",
    "PhaseEncodingDirection": "j",
    "PhilipsRescaleIntercept": 0,
    "PhilipsRescaleSlope": 0.78462,
    "PhilipsScaleSlope": 0.0428335,
    "ProtocolName": "WIPtask-wm_boldSENSE",
    "PulseSequenceType": "gradient echo EPI",
    "ReconMatrixPE": 80,
    "RepetitionTime": 2,
    "SeriesDescription": "ImageMRSERIES",
    "SeriesNumber": 3,
    "SliceEncodingDirection": "k",
    "SliceTiming": [
      0.0,
      0.0556,
      0.1111,
      0.1667,
      0.2222,
      0.2778,
      0.3333,
      0.3889,
      0.4444,
      0.5,
      0.5556,
      0.6111,
      0.6667,
      0.7222,
      0.7778,
      0.8333,
      0.8889,
      0.9444,
      1.0,
      1.0556,
      1.1111,
      1.1667,
      1.2222,
      1.2778,
      1.3333,
      1.3889,
      1.4444,
      1.5,
      1.5556,
      1.6111,
      1.6667,
      1.7222,
      1.7778,
      1.8333,
      1.8889,
      1.9444
    ],
    "TaskName": "workingmemory",
    "TotalReadoutTime": 0.026945238983542674,
    "UsePhilipsFloatNotDisplayScaling": 1,
    "WaterFatShift": 12,
    "acq_id": "seq",
    "dataset": "ds002790",
    "modality": "bold",
    "subject_id": "0066",
    "task_id": "workingmemory"
  },
  "dummy_trs": 0,
  "dvars_nstd": 19.366478505849052,
  "dvars_std": 1.4045671308176106,
  "dvars_vstd": 1.0162700611949687,
  "efc": 0.45280068683450925,
  "fber": 257328.328125,
  "fd_mean": 0.11019658292806844,
  "fd_num": 8,
  "fd_perc": 5.0,
  "fwhm_avg": 2.1064484945047366,
  "fwhm_x": 2.0471533333333336,
  "fwhm_y": 2.2673799999999997,
  "fwhm_z": 2.0048121501808764,
  "gcor": 0.033765,
  "gsr_x": -0.01692534051835537,
  "gsr_y": 0.019592009484767914,
  "provenance": {
    "md5sum": "ca0cbd61d30cc58fa216ff241de63d49",
    "settings": {
      "fd_thres": 0.2,
      "testing": false
    },
    "software": "mriqc",
    "version": "22.0.0rc1",
    "webapi_port": null,
    "webapi_url": "https://mriqc.nimh.nih.gov/api/v1"
  },
  "size_t": 160,
  "size_x": 80,
  "size_y": 80,
  "size_z": 36,
  "snr": 5.057041474411871,
  "spacing_tr": 2.0,
  "spacing_x": 3.0,
  "spacing_y": 3.0,
  "spacing_z": 3.299999952316284,
  "summary_bg_k": 85.446848275709,
  "summary_bg_mad": 66.45075271732031,
  "summary_bg_mean": 595.9432983398438,
  "summary_bg_median": 60.313777923583984,
  "summary_bg_n": 147777.0,
  "summary_bg_p05": 2.3436854362487796,
  "summary_bg_p95": 2884.8564453125,
  "summary_bg_stdv": 1897.2191162109375,
  "summary_fg_k": 1.7878620553198141,
  "summary_fg_mad": 5615.565841380674,
  "summary_fg_mean": 32488.03125,
  "summary_fg_median": 31569.5546875,
  "summary_fg_n": 42012.0,
  "summary_fg_p05": 24328.8490234375,
  "summary_fg_p95": 43611.34257812497,
  "summary_fg_stdv": 6242.6181640625,
  "tsnr": 117.88735961914062
}