{
  "aor": 0.006618793103448275,
  "aqi": 0.01037541573275862,
  "bids_meta": {
    "AcquisitionNumber": 7,
    "BidsifyVersion": "0.3.5",
    "ConversionSoftware": "dcm2niix",
    "ConversionSoftwareVersion": "v1.0.20181125  GCC6.3.0",
    "EchoTime": 0.02763,
    "EffectiveEchoSpacing": 0.0006909035636805814,
    "FlipAngle": 76.1,
    "ImageComments": "PIOP2",
    "ImageOrientationPatientDICOM": [
      0.999581,
      0.00901972,
      -0.0275171,
      -0.00767638,
      0.998792,
      0.0485395
    ],
    "Manufacturer": "Philips",
    "NumberOfVolumesDiscardedByScanner": 2,
    "ParallelAcquisitionTechnique": "SENSE",
    "ParallelReductionFactorInPlane": 2,
    "PatientPosition": "HFS",
    "PhaseEncodingDirection": "j",
    "PhilipsRescaleIntercept": 0,
    "PhilipsRescaleSlope": 0.81636,
    "PhilipsScaleSlope": 0.052658,
    "ProtocolName": "WIPtask-stop_boldSENSE",
    "PulseSequenceType": "gradient echo EPI",
    "ReconMatrixPE": 80,
    "RepetitionTime": 2,
    "SeriesDescription": "ImageMRSERIES",
    "SeriesNumber": 7,
    "SliceEncodingDirection": "k",
    "SliceTiming": [
      0.0,
      0.0556,
      0.1111,
      0.1667,
      0.2222,
      0.2778,
      0.3333,
      0.3889,
      0.4444,
      0.5,
      0.5556,
      0.6111,
      0.6667,
      0.7222,
      0.7778,
      0.8333,
      0.8889,
      0.9444,
      1.0,
      1.0556,
      1.1111,
      1.1667,
      1.2222,
      1.2778,
      1.3333,
      1.3889,
      1.4444,
      1.5,
      1.5556,
      1.6111,
      1.6667,
      1.7222,
      1.7778,
      1.8333,
      1.8889,
      1.9444
    ],
    "TaskName": "stopsignal",
    "TotalReadoutTime": 0.026945238983542674,
    "UsePhilipsFloatNotDisplayScaling": 1,
    "WaterFatShift": 12,
    "acq_id": "seq",
    "dataset": "ds002790",
    "modality": "bold",
    "subject_id": "0043",
    "task_id": "stopsignal"
  },
  "dummy_trs": 0,
  "dvars_nstd": 25.901067378528147,
  "dvars_std": 1.3677335248484848,
  "dvars_vstd": 1.015576035541126,
  "efc": 0.4391500564488888,
  "fber": 247684.046875,
  "fd_mean": 0.18828023237059224,
  "fd_num": 54,
  "fd_perc": 23.275862068965516,
  "fwhm_avg": 1.9226297056595765,
  "fwhm_x": 1.9252333333333331,
  "fwhm_y": 2.0384800000000003,
  "fwhm_z": 1.8041757836453955,
  "gcor": 0.0608841,
  "gsr_x": -0.016723666340112686,
  "gsr_y": 0.020322706550359726,
  "provenance": {
    "md5sum": "b537bced9d6ff965f5f0d3f2985c2434",
    "settings": {
      "fd_thres": 0.2,
      "testing": false
    },
    "software": "mriqc",
    "version": "22.0.0rc1",
    "webapi_port": null,
    "webapi_url": "https://mriqc.nimh.nih.gov/api/v1"
  },
  "size_t": 232,
  "size_x": 80,
  "size_y": 80,
  "size_z": 36,
  "snr": 6.521102018082145,
  "spacing_tr": 2.0,
  "spacing_x": 3.0,
  "spacing_y": 3.0,
  "spacing_z": 3.299999952316284,
  "summary_bg_k": 104.77920144714382,
  "summary_bg_mad": 63.6492653304606,
  "summary_bg_mean": 726.6137084960938,
  "summary_bg_median": 55.30082702636719,
  "summary_bg_n": 153154.0,
  "summary_bg_p05": 4.53148033618927,
  "summary_bg_p95": 3663.2867065429737,
  "summary_bg_stdv": 2259.962158203125,
  "summary_fg_k": 1.418592506548916,
  "summary_fg_mad": 4057.2567992389004,
  "summary_fg_mean": 28360.1484375,
  "summary_fg_median": 27960.19140625,
  "summary_fg_n": 36425.0,
  "summary_fg_p05": 22354.498828125,
  "summary_fg_p95": 35702.863281249985,
  "summary_fg_stdv": 4287.58935546875,
  "tsnr": 66.6953125
}