{
  "aor": 0.0016116874999999998,
  "aqi": 0.0051589725,
  "bids_meta": {
    "AcquisitionNumber": 3,
    "BidsifyVersion": "0.3.5",
    "ConversionSoftware": "dcm2niix",
    "ConversionSoftwareVersion": "v1.0.20181125  GCC6.3.0",
    "EchoTime": 0.02763,
    "EffectiveEchoSpacing": 0.0006909035636805814,
    "FlipAngle": 76.1,
    "ImageComments": "PIOP2",
    "ImageOrientationPatientDICOM": [
      0.999581,
      0.00901972,
      -0.0275171,
      -0.00767638,
      0.998792,
      0.0485395
    ],
    "Manufacturer": "Philips",
    "NumberOfVolumesDiscardedByScanner": 2,
    "ParallelAcquisitionTechnique": "SENSE",
    "ParallelReductionFactorInPlane": 2,
    "PatientPosition": "HFS",
    "PhaseEncodingDirection": "j",
    "PhilipsRescaleIntercept": 0,
    "PhilipsRescaleSlope": 0.82344,
    "PhilipsScaleSlope": 0.0515596,
    "ProtocolName": "WIPtask-wm_boldSENSE",
    "PulseSequenceType": "gradient echo EPI",
    "ReconMatrixPE": 80,
    "RepetitionTime": 2,
    "SeriesDescription": "ImageMRSERIES",
    "SeriesNumber": 3,
    "SliceEncodingDirection": "k",
    "SliceTiming": [
      0.0,
      0.0556,
      0.1111,
      0.1667,
      0.2222,
      0.2778,
      0.3333,
      0.3889,
      0.4444,
      0.5,
      0.5556,
      0.6111,
      0.6667,
      0.7222,
      0.7778,
      0.8333,
      0.8889,
      0.9444,
      1.0,
      1.0556,
      1.1111,
      1.1667,
      1.2222,
      1.2778,
      1.3333,
      1.3889,
      1.4444,
      1.5,
      1.5556,
      1.6111,
      1.6667,
      1.7222,
      1.7778,
      1.8333,
      1.8889,
      1.9444
    ],
    "TaskName": "workingmemory",
    "TotalReadoutTime": 0.026945238983542674,
    "UsePhilipsFloatNotDisplayScaling": 1,
    "WaterFatShift": 12,
    "acq_id": "seq",
    "dataset": "ds002790",
    "modality": "bold",
    "subject_id": "0043",
    "task_id": "workingmemory"
  },
  "dummy_trs": 0,
  "dvars_nstd": 24.29242463993712,
  "dvars_std": 1.4268242175471686,
  "dvars_vstd": 0.9836506049056599,
  "efc": 0.4373537376739938,
  "fber": 261705.28125,
  "fd_mean": 0.13677395476720777,
  "fd_num": 22,
  "fd_perc": 13.75,
  "fwhm_avg": 1.9392688976570733,
  "fwhm_x": 1.9422066666666666,
  "fwhm_y": 2.0551666666666666,
  "fwhm_z": 1.820433359637887,
  "gcor": 0.0546939,
  "gsr_x": -0.01636451855301857,
  "gsr_y": 0.01810477487742901,
  "provenance": {
    "md5sum": "72ba1a46ddd7d8159fac233c998dc4e9",
    "settings": {
      "fd_thres": 0.2,
      "testing": false
    },
    "software": "mriqc",
    "version": "22.0.0rc1",
    "webapi_port": null,
    "webapi_url": "https://mriqc.nimh.nih.gov/api/v1"
  },
  "size_t": 160,
  "size_x": 80,
  "size_y": 80,
  "size_z": 36,
  "snr": 6.336739727294471,
  "spacing_tr": 2.0,
  "spacing_x": 3.0,
  "spacing_y": 3.0,
  "spacing_z": 3.299999952316284,
  "summary_bg_k": 102.3638179419144,
  "summary_bg_mad": 61.745735695196785,
  "summary_bg_mean": 714.3247680664062,
  "summary_bg_median": 54.24094009399414,
  "summary_bg_n": 153170.0,
  "summary_bg_p05": 3.720759451389313,
  "summary_bg_p95": 3581.6364257812415,
  "summary_bg_stdv": 2247.524169921875,
  "summary_fg_k": 1.476867409588933,
  "summary_fg_mad": 4240.096111699391,
  "summary_fg_mean": 28874.001953125,
  "summary_fg_median": 28426.048828125,
  "summary_fg_n": 36398.0,
  "summary_fg_p05": 22621.0171875,
  "summary_fg_p95": 36531.308984375,
  "summary_fg_stdv": 4485.84912109375,
  "tsnr": 94.71842956542969
}