{
  "aor": 0.012462291666666665,
  "aqi": 0.011646137499999999,
  "bids_meta": {
    "AcquisitionNumber": 4,
    "BidsifyVersion": "0.3.5",
    "ConversionSoftware": "dcm2niix",
    "ConversionSoftwareVersion": "v1.0.20181125  GCC6.3.0",
    "EchoTime": 0.02763,
    "EffectiveEchoSpacing": 0.0006909035636805814,
    "FlipAngle": 76.1,
    "ImageComments": "PIOP2",
    "ImageOrientationPatientDICOM": [
      0.999581,
      0.00901972,
      -0.0275171,
      -0.00767638,
      0.998792,
      0.0485395
    ],
    "Manufacturer": "Philips",
    "NumberOfVolumesDiscardedByScanner": 2,
    "ParallelAcquisitionTechnique": "SENSE",
    "ParallelReductionFactorInPlane": 2,
    "PatientPosition": "HFS",
    "PhaseEncodingDirection": "j",
    "PhilipsRescaleIntercept": 0,
    "PhilipsRescaleSlope": 0.82711,
    "PhilipsScaleSlope": 0.0525101,
    "ProtocolName": "WIPtask-rest_boldSENSE",
    "PulseSequenceType": "gradient echo EPI",
    "ReconMatrixPE": 80,
    "RepetitionTime": 2,
    "SeriesDescription": "ImageMRSERIES",
    "SeriesNumber": 4,
    "SliceEncodingDirection": "k",
    "SliceTiming": [
      0.0,
      0.0556,
      0.1111,
      0.1667,
      0.2222,
      0.2778,
      0.3333,
      0.3889,
      0.4444,
      0.5,
      0.5556,
      0.6111,
      0.6667,
      0.7222,
      0.7778,
      0.8333,
      0.8889,
      0.9444,
      1.0,
      1.0556,
      1.1111,
      1.1667,
      1.2222,
      1.2778,
      1.3333,
      1.3889,
      1.4444,
      1.5,
      1.5556,
      1.6111,
      1.6667,
      1.7222,
      1.7778,
      1.8333,
      1.8889,
      1.9444
    ],
    "TaskName": "restingstate",
    "TotalReadoutTime": 0.026945238983542674,
    "UsePhilipsFloatNotDisplayScaling": 1,
    "WaterFatShift": 12,
    "acq_id": "seq",
    "dataset": "ds002790",
    "modality": "bold",
    "subject_id": "0043",
    "task_id": "restingstate"
  },
  "dummy_trs": 0,
  "dvars_nstd": 26.940788372928893,
  "dvars_std": 1.4830049183263607,
  "dvars_vstd": 1.1056624367364016,
  "efc": 0.43821680112500283,
  "fber": 257581.546875,
  "fd_mean": 0.2078090022419883,
  "fd_num": 46,
  "fd_perc": 19.166666666666668,
  "fwhm_avg": 1.9132314227661826,
  "fwhm_x": 1.9204333333333334,
  "fwhm_y": 2.0286033333333333,
  "fwhm_z": 1.7906576016318811,
  "gcor": 0.0661525,
  "gsr_x": -0.016749242320656776,
  "gsr_y": 0.020368991419672966,
  "provenance": {
    "md5sum": "6abac9f5786a8c21ca8d0a9808b27ae5",
    "settings": {
      "fd_thres": 0.2,
      "testing": false
    },
    "software": "mriqc",
    "version": "22.0.0rc1",
    "webapi_port": null,
    "webapi_url": "https://mriqc.nimh.nih.gov/api/v1"
  },
  "size_t": 240,
  "size_x": 80,
  "size_y": 80,
  "size_z": 36,
  "snr": 6.507989857608313,
  "spacing_tr": 2.0,
  "spacing_x": 3.0,
  "spacing_y": 3.0,
  "spacing_z": 3.299999952316284,
  "summary_bg_k": 122.76654844725638,
  "summary_bg_mad": 60.68519697789398,
  "summary_bg_mean": 715.6969604492188,
  "summary_bg_median": 53.737091064453125,
  "summary_bg_n": 153128.0,
  "summary_bg_p05": 4.436721849441529,
  "summary_bg_p95": 3595.793542480462,
  "summary_bg_stdv": 2295.262451171875,
  "summary_fg_k": 1.568914934614436,
  "summary_fg_mad": 4056.4952281774413,
  "summary_fg_mean": 28391.74609375,
  "summary_fg_median": 27973.51953125,
  "summary_fg_n": 36452.0,
  "summary_fg_p05": 22403.306640625,
  "summary_fg_p95": 35732.867382812496,
  "summary_fg_stdv": 4298.27587890625,
  "tsnr": 64.41117858886719
}