{
  "aor": 0.001343875,
  "aqi": 0.004537196833333334,
  "bids_meta": {
    "AcquisitionNumber": 4,
    "BidsifyVersion": "0.3.5",
    "ConversionSoftware": "dcm2niix",
    "ConversionSoftwareVersion": "v1.0.20181125  GCC6.3.0",
    "EchoTime": 0.02763,
    "EffectiveEchoSpacing": 0.0006909035636805814,
    "FlipAngle": 76.1,
    "ImageComments": "PIOP2",
    "ImageOrientationPatientDICOM": [
      0.998545,
      0.0391666,
      -0.0370533,
      -0.0467409,
      0.971397,
      -0.232816
    ],
    "Manufacturer": "Philips",
    "NumberOfVolumesDiscardedByScanner": 2,
    "ParallelAcquisitionTechnique": "SENSE",
    "ParallelReductionFactorInPlane": 2,
    "PatientPosition": "HFS",
    "PhaseEncodingDirection": "j",
    "PhilipsRescaleIntercept": 0,
    "PhilipsRescaleSlope": 0.76947,
    "PhilipsScaleSlope": 0.0599975,
    "ProtocolName": "WIPtask-rest_boldSENSE",
    "PulseSequenceType": "gradient echo EPI",
    "ReconMatrixPE": 80,
    "RepetitionTime": 2,
    "SeriesDescription": "ImageMRSERIES",
    "SeriesNumber": 4,
    "SliceEncodingDirection": "k",
    "SliceTiming": [
      0.0,
      0.0556,
      0.1111,
      0.1667,
      0.2222,
      0.2778,
      0.3333,
      0.3889,
      0.4444,
      0.5,
      0.5556,
      0.6111,
      0.6667,
      0.7222,
      0.7778,
      0.8333,
      0.8889,
      0.9444,
      1.0,
      1.0556,
      1.1111,
      1.1667,
      1.2222,
      1.2778,
      1.3333,
      1.3889,
      1.4444,
      1.5,
      1.5556,
      1.6111,
      1.6667,
      1.7222,
      1.7778,
      1.8333,
      1.8889,
      1.9444
    ],
    "TaskName": "restingstate",
    "TotalReadoutTime": 0.026945238983542674,
    "UsePhilipsFloatNotDisplayScaling": 1,
    "WaterFatShift": 12,
    "acq_id": "seq",
    "dataset": "ds002790",
    "modality": "bold",
    "subject_id": "0094",
    "task_id": "restingstate"
  },
  "dummy_trs": 0,
  "dvars_nstd": 18.463721925857755,
  "dvars_std": 1.28367003794979,
  "dvars_vstd": 0.9971169655230131,
  "efc": 0.3802417742913314,
  "fber": 284207.15625,
  "fd_mean": 0.10225565991863339,
  "fd_num": 11,
  "fd_perc": 4.583333333333333,
  "fwhm_avg": 1.8962541498053955,
  "fwhm_x": 1.9438566666666668,
  "fwhm_y": 2.00273,
  "fwhm_z": 1.7421757827495197,
  "gcor": 0.0770666,
  "gsr_x": -0.017250368371605873,
  "gsr_y": 0.007303780876100063,
  "provenance": {
    "md5sum": "ceab77f31aa5327607e7e14891485ce8",
    "settings": {
      "fd_thres": 0.2,
      "testing": false
    },
    "software": "mriqc",
    "version": "22.0.0rc1",
    "webapi_port": null,
    "webapi_url": "https://mriqc.nimh.nih.gov/api/v1"
  },
  "size_t": 240,
  "size_x": 80,
  "size_y": 80,
  "size_z": 36,
  "snr": 6.790044996288522,
  "spacing_tr": 2.0,
  "spacing_x": 3.0,
  "spacing_y": 3.0,
  "spacing_z": 3.299999952316284,
  "summary_bg_k": 119.25230408866109,
  "summary_bg_mad": 47.421031449890606,
  "summary_bg_mean": 514.2918090820312,
  "summary_bg_median": 47.52433776855469,
  "summary_bg_n": 165080.0,
  "summary_bg_p05": 5.040107679367066,
  "summary_bg_p95": 2491.062524414062,
  "summary_bg_stdv": 1711.998779296875,
  "summary_fg_k": 2.158482930998252,
  "summary_fg_mad": 3629.652022474458,
  "summary_fg_mean": 26257.837890625,
  "summary_fg_median": 26033.052734375,
  "summary_fg_n": 26332.0,
  "summary_fg_p05": 20643.23984375,
  "summary_fg_p95": 32197.877929687496,
  "summary_fg_stdv": 3833.93017578125,
  "tsnr": 92.49232482910156
}