{
  "aor": 0.0015670625,
  "aqi": 0.0048836135,
  "bids_meta": {
    "AcquisitionNumber": 3,
    "BidsifyVersion": "0.3.5",
    "ConversionSoftware": "dcm2niix",
    "ConversionSoftwareVersion": "v1.0.20181125  GCC6.3.0",
    "EchoTime": 0.02763,
    "EffectiveEchoSpacing": 0.0006909035636805814,
    "FlipAngle": 76.1,
    "ImageComments": "PIOP2",
    "ImageOrientationPatientDICOM": [
      0.995808,
      0.091164,
      -0.00747869,
      -0.0888735,
      0.983642,
      0.156685
    ],
    "Manufacturer": "Philips",
    "NumberOfVolumesDiscardedByScanner": 2,
    "ParallelAcquisitionTechnique": "SENSE",
    "ParallelReductionFactorInPlane": 2,
    "PatientPosition": "HFS",
    "PhaseEncodingDirection": "j",
    "PhilipsRescaleIntercept": 0,
    "PhilipsRescaleSlope": 0.87937,
    "PhilipsScaleSlope": 0.0544291,
    "ProtocolName": "WIPtask-wm_boldSENSE",
    "PulseSequenceType": "gradient echo EPI",
    "ReconMatrixPE": 80,
    "RepetitionTime": 2,
    "SeriesDescription": "ImageMRSERIES",
    "SeriesNumber": 3,
    "SliceEncodingDirection": "k",
    "SliceTiming": [
      0.0,
      0.0556,
      0.1111,
      0.1667,
      0.2222,
      0.2778,
      0.3333,
      0.3889,
      0.4444,
      0.5,
      0.5556,
      0.6111,
      0.6667,
      0.7222,
      0.7778,
      0.8333,
      0.8889,
      0.9444,
      1.0,
      1.0556,
      1.1111,
      1.1667,
      1.2222,
      1.2778,
      1.3333,
      1.3889,
      1.4444,
      1.5,
      1.5556,
      1.6111,
      1.6667,
      1.7222,
      1.7778,
      1.8333,
      1.8889,
      1.9444
    ],
    "TaskName": "workingmemory",
    "TotalReadoutTime": 0.026945238983542674,
    "UsePhilipsFloatNotDisplayScaling": 1,
    "WaterFatShift": 12,
    "acq_id": "seq",
    "dataset": "ds002790",
    "modality": "bold",
    "subject_id": "0049",
    "task_id": "workingmemory"
  },
  "dummy_trs": 0,
  "dvars_nstd": 17.30589131893083,
  "dvars_std": 1.1489744920754719,
  "dvars_vstd": 0.9701488257232702,
  "efc": 0.4131985063036389,
  "fber": 193178.65625,
  "fd_mean": 0.11824426700745538,
  "fd_num": 13,
  "fd_perc": 8.125,
  "fwhm_avg": 2.074488393492242,
  "fwhm_x": 1.96882,
  "fwhm_y": 2.25033,
  "fwhm_z": 2.0043151804767256,
  "gcor": 0.0129777,
  "gsr_x": -0.02375403605401516,
  "gsr_y": 0.016395771875977516,
  "provenance": {
    "md5sum": "e7947571439a56eccfc191bc066455cf",
    "settings": {
      "fd_thres": 0.2,
      "testing": false
    },
    "software": "mriqc",
    "version": "22.0.0rc1",
    "webapi_port": null,
    "webapi_url": "https://mriqc.nimh.nih.gov/api/v1"
  },
  "size_t": 160,
  "size_x": 80,
  "size_y": 80,
  "size_z": 36,
  "snr": 5.592641406251927,
  "spacing_tr": 2.0,
  "spacing_x": 3.0,
  "spacing_y": 3.0,
  "spacing_z": 3.299999952316284,
  "summary_bg_k": 62.05658783761319,
  "summary_bg_mad": 61.15394245050008,
  "summary_bg_mean": 581.9729614257812,
  "summary_bg_median": 56.61750411987305,
  "summary_bg_n": 158853.0,
  "summary_bg_p05": 5.54456901550293,
  "summary_bg_p95": 2684.126220703121,
  "summary_bg_stdv": 1760.9635009765625,
  "summary_fg_k": 2.189639180311599,
  "summary_fg_mad": 4126.393262652828,
  "summary_fg_mean": 25823.49609375,
  "summary_fg_median": 25267.4375,
  "summary_fg_n": 32266.0,
  "summary_fg_p05": 19655.1435546875,
  "summary_fg_p95": 33614.888671875,
  "summary_fg_stdv": 4517.9091796875,
  "tsnr": 82.61572265625
}