{
  "aor": 0.005669833333333333,
  "aqi": 0.00461728675,
  "bids_meta": {
    "AcquisitionNumber": 4,
    "BidsifyVersion": "0.3.5",
    "ConversionSoftware": "dcm2niix",
    "ConversionSoftwareVersion": "v1.0.20181125  GCC6.3.0",
    "EchoTime": 0.02763,
    "EffectiveEchoSpacing": 0.0006909035636805814,
    "FlipAngle": 76.1,
    "ImageComments": "PIOP2",
    "ImageOrientationPatientDICOM": [
      0.995808,
      0.091164,
      -0.00747869,
      -0.0888735,
      0.983642,
      0.156685
    ],
    "Manufacturer": "Philips",
    "NumberOfVolumesDiscardedByScanner": 2,
    "ParallelAcquisitionTechnique": "SENSE",
    "ParallelReductionFactorInPlane": 2,
    "PatientPosition": "HFS",
    "PhaseEncodingDirection": "j",
    "PhilipsRescaleIntercept": 0,
    "PhilipsRescaleSlope": 0.94017,
    "PhilipsScaleSlope": 0.0522925,
    "ProtocolName": "WIPtask-rest_boldSENSE",
    "PulseSequenceType": "gradient echo EPI",
    "ReconMatrixPE": 80,
    "RepetitionTime": 2,
    "SeriesDescription": "ImageMRSERIES",
    "SeriesNumber": 4,
    "SliceEncodingDirection": "k",
    "SliceTiming": [
      0.0,
      0.0556,
      0.1111,
      0.1667,
      0.2222,
      0.2778,
      0.3333,
      0.3889,
      0.4444,
      0.5,
      0.5556,
      0.6111,
      0.6667,
      0.7222,
      0.7778,
      0.8333,
      0.8889,
      0.9444,
      1.0,
      1.0556,
      1.1111,
      1.1667,
      1.2222,
      1.2778,
      1.3333,
      1.3889,
      1.4444,
      1.5,
      1.5556,
      1.6111,
      1.6667,
      1.7222,
      1.7778,
      1.8333,
      1.8889,
      1.9444
    ],
    "TaskName": "restingstate",
    "TotalReadoutTime": 0.026945238983542674,
    "UsePhilipsFloatNotDisplayScaling": 1,
    "WaterFatShift": 12,
    "acq_id": "seq",
    "dataset": "ds002790",
    "modality": "bold",
    "subject_id": "0049",
    "task_id": "restingstate"
  },
  "dummy_trs": 0,
  "dvars_nstd": 18.641729322928875,
  "dvars_std": 1.2620187762761503,
  "dvars_vstd": 1.0335728767782422,
  "efc": 0.4123669138566663,
  "fber": 173936.4375,
  "fd_mean": 0.14158689585323184,
  "fd_num": 34,
  "fd_perc": 14.166666666666666,
  "fwhm_avg": 2.096951827905823,
  "fwhm_x": 2.0051,
  "fwhm_y": 2.2668766666666667,
  "fwhm_z": 2.018878817050801,
  "gcor": 0.0231194,
  "gsr_x": -0.023841846734285355,
  "gsr_y": 0.017294973134994507,
  "provenance": {
    "md5sum": "3c8f54915ece43f0f20a1ec6f5a66285",
    "settings": {
      "fd_thres": 0.2,
      "testing": false
    },
    "software": "mriqc",
    "version": "22.0.0rc1",
    "webapi_port": null,
    "webapi_url": "https://mriqc.nimh.nih.gov/api/v1"
  },
  "size_t": 240,
  "size_x": 80,
  "size_y": 80,
  "size_z": 36,
  "snr": 5.395926612872087,
  "spacing_tr": 2.0,
  "spacing_x": 3.0,
  "spacing_y": 3.0,
  "spacing_z": 3.299999952316284,
  "summary_bg_k": 63.469619350306715,
  "summary_bg_mad": 71.98112978623895,
  "summary_bg_mean": 597.4204711914062,
  "summary_bg_median": 60.05015563964844,
  "summary_bg_n": 159230.0,
  "summary_bg_p05": 4.083761548995972,
  "summary_bg_p95": 2826.276745605465,
  "summary_bg_stdv": 1780.019287109375,
  "summary_fg_k": 2.3404632420907934,
  "summary_fg_mad": 4315.61761005825,
  "summary_fg_mean": 26076.26171875,
  "summary_fg_median": 25465.021484375,
  "summary_fg_n": 32026.0,
  "summary_fg_p05": 19723.5234375,
  "summary_fg_p95": 34216.873046875,
  "summary_fg_stdv": 4719.23095703125,
  "tsnr": 83.43425750732422
}