{
  "aor": 0.002669029850746269,
  "aqi": 0.003251160223880597,
  "bids_meta": {
    "AcquisitionNumber": 8,
    "BidsifyVersion": "0.3.5",
    "ConversionSoftware": "dcm2niix",
    "ConversionSoftwareVersion": "v1.0.20181125  GCC6.3.0",
    "EchoTime": 0.02763,
    "EffectiveEchoSpacing": 0.0006909035636805814,
    "FlipAngle": 76.1,
    "ImageComments": "PIOP2",
    "ImageOrientationPatientDICOM": [
      0.995808,
      0.091164,
      -0.00747869,
      -0.0888735,
      0.983642,
      0.156685
    ],
    "Manufacturer": "Philips",
    "NumberOfVolumesDiscardedByScanner": 2,
    "ParallelAcquisitionTechnique": "SENSE",
    "ParallelReductionFactorInPlane": 2,
    "PatientPosition": "HFS",
    "PhaseEncodingDirection": "j",
    "PhilipsRescaleIntercept": 0,
    "PhilipsRescaleSlope": 0.90818,
    "PhilipsScaleSlope": 0.0560115,
    "ProtocolName": "WIPtask-harriri_boldSENSE",
    "PulseSequenceType": "gradient echo EPI",
    "ReconMatrixPE": 80,
    "RepetitionTime": 2,
    "SeriesDescription": "ImageMRSERIES",
    "SeriesNumber": 8,
    "SliceEncodingDirection": "k",
    "SliceTiming": [
      0.0,
      0.0556,
      0.1111,
      0.1667,
      0.2222,
      0.2778,
      0.3333,
      0.3889,
      0.4444,
      0.5,
      0.5556,
      0.6111,
      0.6667,
      0.7222,
      0.7778,
      0.8333,
      0.8889,
      0.9444,
      1.0,
      1.0556,
      1.1111,
      1.1667,
      1.2222,
      1.2778,
      1.3333,
      1.3889,
      1.4444,
      1.5,
      1.5556,
      1.6111,
      1.6667,
      1.7222,
      1.7778,
      1.8333,
      1.8889,
      1.9444
    ],
    "TaskName": "emomatching",
    "TotalReadoutTime": 0.026945238983542674,
    "UsePhilipsFloatNotDisplayScaling": 1,
    "WaterFatShift": 12,
    "acq_id": "seq",
    "dataset": "ds002790",
    "modality": "bold",
    "subject_id": "0049",
    "task_id": "emomatching"
  },
  "dummy_trs": 1,
  "dvars_nstd": 18.399233667518793,
  "dvars_std": 1.2734578606015037,
  "dvars_vstd": 1.0328471569924809,
  "efc": 0.4159086375831723,
  "fber": 183508.859375,
  "fd_mean": 0.11615247106756733,
  "fd_num": 7,
  "fd_perc": 5.223880597014926,
  "fwhm_avg": 2.0357217266358036,
  "fwhm_x": 1.9491366666666667,
  "fwhm_y": 2.1931133333333332,
  "fwhm_z": 1.9649151799074112,
  "gcor": 0.0272399,
  "gsr_x": -0.024543747305870056,
  "gsr_y": 0.018263831734657288,
  "provenance": {
    "md5sum": "6c619a5e4ab1a0813954a4ec54238778",
    "settings": {
      "fd_thres": 0.2,
      "testing": false
    },
    "software": "mriqc",
    "version": "22.0.0rc1",
    "webapi_port": null,
    "webapi_url": "https://mriqc.nimh.nih.gov/api/v1"
  },
  "size_t": 134,
  "size_x": 80,
  "size_y": 80,
  "size_z": 36,
  "snr": 5.772508481739114,
  "spacing_tr": 2.0,
  "spacing_x": 3.0,
  "spacing_y": 3.0,
  "spacing_z": 3.299999952316284,
  "summary_bg_k": 61.26186338038154,
  "summary_bg_mad": 61.09098202208303,
  "summary_bg_mean": 600.3036499023438,
  "summary_bg_median": 56.92506790161133,
  "summary_bg_n": 158885.0,
  "summary_bg_p05": 5.053590774536133,
  "summary_bg_p95": 2793.752636718739,
  "summary_bg_stdv": 1766.7269287109375,
  "summary_fg_k": 2.122198588204933,
  "summary_fg_mad": 3884.8290029437158,
  "summary_fg_mean": 25258.73046875,
  "summary_fg_median": 24715.5703125,
  "summary_fg_n": 32217.0,
  "summary_fg_p05": 19437.46796875,
  "summary_fg_p95": 32642.56640624999,
  "summary_fg_stdv": 4281.533203125,
  "tsnr": 99.43328094482422
}