{
  "bids_meta": {
    "AcquisitionNumber": 2,
    "BidsifyVersion": "0.3.5",
    "ConversionSoftware": "dcm2niix",
    "ConversionSoftwareVersion": "v1.0.20181125  GCC6.3.0",
    "EchoTime": 0.00372,
    "ImageComments": "PIOP2",
    "ImageOrientationPatientDICOM": [
      0.999718,
      -0.02349,
      0.00334633,
      0.0233851,
      0.999319,
      0.0285311
    ],
    "Manufacturer": "Philips",
    "PatientPosition": "HFS",
    "PhilipsRescaleIntercept": 0,
    "PhilipsRescaleSlope": 9.13358,
    "PhilipsScaleSlope": 0.00704214,
    "ProtocolName": "WIPT1anat_acq-6m_T1wSENSE",
    "ReconMatrixPE": 240,
    "RepetitionTime": 0.008116,
    "SeriesDescription": "ImageMRSERIES",
    "SeriesNumber": 2,
    "UsePhilipsFloatNotDisplayScaling": 1,
    "dataset": "ds002790",
    "modality": "T1w",
    "subject_id": "0215"
  },
  "cjv": 0.241224176267879,
  "cnr": 5.473706562878147,
  "efc": 0.731601200949915,
  "fber": 7894.914844444445,
  "fwhm_avg": 5.418916666666667,
  "fwhm_x": 5.08455,
  "fwhm_y": 5.54228,
  "fwhm_z": 5.62992,
  "icvs_csf": 0.24844748750526724,
  "icvs_gm": 0.4091686551740937,
  "icvs_wm": 0.3423838573206391,
  "inu_med": 0.5441522002220154,
  "inu_range": 0.17263381630182262,
  "provenance": {
    "md5sum": "2e881d23a154765869c031c4af9d6d28",
    "settings": {
      "testing": false
    },
    "software": "mriqc",
    "version": "23.0.1",
    "warnings": {
      "large_rot_frame": true,
      "small_air_mask": true
    },
    "webapi_port": null,
    "webapi_url": "https://mriqc.nimh.nih.gov/api/v1"
  },
  "qi_1": 0.0,
  "qi_2": 8.906587667327877e-05,
  "rpve_csf": 20.346230784830663,
  "rpve_gm": 12.369905959224841,
  "rpve_wm": 18.679675529918853,
  "size_x": 240,
  "size_y": 240,
  "size_z": 220,
  "snr_csf": 1.6257801848946505,
  "snr_gm": 9.511335568330367,
  "snr_total": 13.753552668738593,
  "snr_wm": 30.123542252990763,
  "snrd_csf": 18.4767003427314,
  "snrd_gm": 72.00056122696608,
  "snrd_total": 69.78068176107486,
  "snrd_wm": 118.8647837135271,
  "spacing_x": 1.0,
  "spacing_y": 1.0,
  "spacing_z": 1.0,
  "summary_bg_k": 984.5162798362508,
  "summary_bg_mad": 0.0,
  "summary_bg_mean": 1.4460194265302422,
  "summary_bg_median": 0.0,
  "summary_bg_n": 176215.0,
  "summary_bg_p05": 0.0,
  "summary_bg_p95": 8.554807864129543,
  "summary_bg_stdv": 5.51173635958894,
  "summary_csf_k": -0.0684275321872585,
  "summary_csf_mad": 100.31705742059326,
  "summary_csf_mean": 170.31914051786572,
  "summary_csf_median": 155.44656209647655,
  "summary_csf_n": 51545.0,
  "summary_csf_p05": 38.89585975557566,
  "summary_csf_p95": 342.5938202142713,
  "summary_csf_stdv": 95.61258998052739,
  "summary_gm_k": 0.19270383249132994,
  "summary_gm_mad": 63.21395155734619,
  "summary_gm_mean": 606.7297930856791,
  "summary_gm_median": 605.7488352432847,
  "summary_gm_n": 48830.0,
  "summary_gm_p05": 505.1899204030633,
  "summary_gm_p95": 712.0337681472301,
  "summary_gm_stdv": 63.68639064723579,
  "summary_wm_k": 0.36360745601287414,
  "summary_wm_mad": 31.894465660020042,
  "summary_wm_mean": 1001.5400606277743,
  "summary_wm_median": 1000.0228200852871,
  "summary_wm_n": 235110.0,
  "summary_wm_p05": 950.0399293377995,
  "summary_wm_p95": 1058.6289571598172,
  "summary_wm_stdv": 33.197314079857094,
  "tpm_overlap_csf": 0.1569274555909274,
  "tpm_overlap_gm": 0.4924123113623438,
  "tpm_overlap_wm": 0.530825844576596,
  "wm2max": 0.7716790479878886
}