{
  "aor": 0.010325366972477065,
  "aqi": 0.004171076100917432,
  "bids_meta": {
    "AcquisitionNumber": 7,
    "BidsifyVersion": "0.3.5",
    "ConversionSoftware": "dcm2niix",
    "ConversionSoftwareVersion": "v1.0.20181125  GCC6.3.0",
    "EchoTime": 0.02763,
    "FlipAngle": 76.1,
    "ImageComments": "PIOP2",
    "ImageOrientationPatientDICOM": [
      0.999487,
      0.0317545,
      0.00414892,
      -0.0300133,
      0.974013,
      -0.224496
    ],
    "Manufacturer": "Philips",
    "NumberOfVolumesDiscardedByScanner": 2,
    "ParallelAcquisitionTechnique": "SENSE",
    "ParallelReductionFactorInPlane": 2,
    "PatientPosition": "HFS",
    "PhaseEncodingDirection": "j",
    "PhilipsRescaleIntercept": 0,
    "PhilipsRescaleSlope": 0.75702,
    "PhilipsScaleSlope": 0.0605866,
    "ProtocolName": "WIPtask-stop_boldSENSE",
    "PulseSequenceType": "gradient echo EPI",
    "ReconMatrixPE": 80,
    "RepetitionTime": 2,
    "SeriesDescription": "ImageMRSERIES",
    "SeriesNumber": 7,
    "SliceEncodingDirection": "k",
    "TaskName": "stopsignal",
    "UsePhilipsFloatNotDisplayScaling": 1,
    "WaterFatShift": 12,
    "acq_id": "seq",
    "dataset": "ds002790",
    "modality": "bold",
    "subject_id": "0208",
    "task_id": "stopsignal"
  },
  "dummy_trs": 0,
  "dvars_nstd": 19.178061423917057,
  "dvars_std": 1.377770628894009,
  "dvars_vstd": 1.1002133782488486,
  "efc": 0.402462033222411,
  "fber": 185149.09375,
  "fd_mean": 0.13205750285623677,
  "fd_num": 20,
  "fd_perc": 9.174311926605505,
  "fwhm_avg": 2.1378368782712664,
  "fwhm_x": 2.10261,
  "fwhm_y": 2.321006666666667,
  "fwhm_z": 1.9898939681471328,
  "gcor": 0.0247585,
  "gsr_x": -0.022551970556378365,
  "gsr_y": 0.010682000778615475,
  "provenance": {
    "md5sum": "221dc0546ef3fc63a1fa45a10a04e4b6",
    "settings": {
      "fd_thres": 0.2,
      "testing": false
    },
    "software": "mriqc",
    "version": "23.0.1",
    "webapi_port": null,
    "webapi_url": "https://mriqc.nimh.nih.gov/api/v1"
  },
  "size_t": 218,
  "size_x": 80,
  "size_y": 80,
  "size_z": 36,
  "snr": 6.127376820572226,
  "spacing_tr": 2.0,
  "spacing_x": 3.0,
  "spacing_y": 3.0,
  "spacing_z": 3.299999952316284,
  "summary_bg_k": 99.47611664410329,
  "summary_bg_mad": 60.745189588950495,
  "summary_bg_mean": 501.3664245605469,
  "summary_bg_median": 56.767433166503906,
  "summary_bg_n": 160111.0,
  "summary_bg_p05": 7.627239227294922,
  "summary_bg_p95": 2197.251220703125,
  "summary_bg_stdv": 1428.0130615234375,
  "summary_fg_k": 0.9588301880649421,
  "summary_fg_mad": 3810.6438735767333,
  "summary_fg_mean": 25196.30078125,
  "summary_fg_median": 24892.537109375,
  "summary_fg_n": 30148.0,
  "summary_fg_p05": 19192.19501953125,
  "summary_fg_p95": 32287.308691406248,
  "summary_fg_stdv": 4062.44384765625,
  "tsnr": 93.01187133789062
}