{
  "bids_meta": {
    "AcquisitionNumber": 2,
    "BidsifyVersion": "0.3.5",
    "ConversionSoftware": "dcm2niix",
    "ConversionSoftwareVersion": "v1.0.20181125  GCC6.3.0",
    "EchoTime": 0.00373,
    "ImageComments": "PIOP2",
    "ImageOrientationPatientDICOM": [
      0.999599,
      0.01304,
      -0.0251495,
      -0.0127365,
      0.999845,
      0.0121894
    ],
    "Manufacturer": "Philips",
    "NumberSignalAcquisitions": 2,
    "PatientPosition": "HFS",
    "PhilipsRescaleIntercept": 0,
    "PhilipsRescaleSlope": 8.90281,
    "PhilipsScaleSlope": 0.0073662,
    "ProtocolName": "WIPT1anat_acq-6m_T1wSENSE",
    "ReconMatrixPE": 240,
    "RepetitionTime": 0.008168,
    "SeriesDescription": "ImageMRSERIES",
    "SeriesNumber": 2,
    "UsePhilipsFloatNotDisplayScaling": 1,
    "dataset": "ds002790",
    "modality": "T1w",
    "subject_id": "0098"
  },
  "cjv": 0.26190084119688617,
  "cnr": 4.660904943844861,
  "efc": 0.752228066494133,
  "fber": 1717.487548828125,
  "fwhm_avg": 4.446253608428665,
  "fwhm_x": 4.1354,
  "fwhm_y": 4.560720271840111,
  "fwhm_z": 4.642640553445882,
  "icvs_csf": 0.23523861455960585,
  "icvs_gm": 0.4166196085435293,
  "icvs_wm": 0.3481417768968648,
  "inu_med": 1.5854229927062988,
  "inu_range": 0.3116460204124447,
  "provenance": {
    "md5sum": "f8cbb0fbe867168b4de769b2058ca0d0",
    "settings": {
      "testing": false
    },
    "software": "mriqc",
    "version": "22.0.0rc1",
    "warnings": {
      "large_rot_frame": true,
      "small_air_mask": true
    },
    "webapi_port": null,
    "webapi_url": "https://mriqc.nimh.nih.gov/api/v1"
  },
  "qi_1": 0.0005114841039884331,
  "qi_2": 5.522321446518092e-05,
  "rpve_csf": 26.694773806537736,
  "rpve_gm": 15.409061295401488,
  "rpve_wm": 23.255627095686002,
  "size_x": 240,
  "size_y": 240,
  "size_z": 220,
  "snr_csf": 2.633738947691457,
  "snr_gm": 9.267849184970085,
  "snr_total": 11.820606106700382,
  "snr_wm": 23.560230187439604,
  "snrd_csf": 22.186599291639286,
  "snrd_gm": 51.84260411277188,
  "snrd_total": 52.28506777136709,
  "snrd_wm": 82.8259999096901,
  "spacing_x": 1.0,
  "spacing_y": 0.9999999403953552,
  "spacing_z": 0.9999998807907104,
  "summary_bg_k": 479.2405726656587,
  "summary_bg_mad": 7.909769141383264,
  "summary_bg_mean": 8.013169288635254,
  "summary_bg_median": 5.466950416564941,
  "summary_bg_n": 185199.0,
  "summary_bg_p05": 0.0,
  "summary_bg_p95": 21.661663627624513,
  "summary_bg_stdv": 8.881311416625977,
  "summary_csf_k": -0.6288021077063242,
  "summary_csf_mad": 122.01889103441844,
  "summary_csf_mean": 258.628662109375,
  "summary_csf_median": 267.8692321777344,
  "summary_csf_n": 9930.0,
  "summary_csf_p05": 98.86688499450683,
  "summary_csf_p95": 406.3852722167968,
  "summary_csf_stdv": 101.70170593261719,
  "summary_gm_k": 0.7552057512033441,
  "summary_gm_mad": 62.25522184880647,
  "summary_gm_mean": 631.7870483398438,
  "summary_gm_median": 625.9201049804688,
  "summary_gm_n": 26578.0,
  "summary_gm_p05": 534.127163696289,
  "summary_gm_p95": 756.5760009765625,
  "summary_gm_stdv": 67.53544616699219,
  "summary_wm_k": 1.426148468166546,
  "summary_wm_mad": 35.715882014348466,
  "summary_wm_mean": 997.15869140625,
  "summary_wm_median": 999.9971923828125,
  "summary_wm_n": 177176.0,
  "summary_wm_p05": 921.0081176757812,
  "summary_wm_p95": 1060.8464660644531,
  "summary_wm_stdv": 42.44416809082031,
  "tpm_overlap_csf": 0.17432823777198792,
  "tpm_overlap_gm": 0.4536171555519104,
  "tpm_overlap_wm": 0.516211748123169,
  "wm2max": 0.7744037835036907
}