{
  "aor": 0.0018160833333333334,
  "aqi": 0.004149754875,
  "bids_meta": {
    "AcquisitionNumber": 4,
    "BidsifyVersion": "0.3.5",
    "ConversionSoftware": "dcm2niix",
    "ConversionSoftwareVersion": "v1.0.20181125  GCC6.3.0",
    "EchoTime": 0.02763,
    "FlipAngle": 76.1,
    "ImageComments": "PIOP2",
    "ImageOrientationPatientDICOM": [
      0.999614,
      0.00790766,
      -0.0266348,
      -0.0122132,
      0.986118,
      -0.165595
    ],
    "Manufacturer": "Philips",
    "NumberOfVolumesDiscardedByScanner": 2,
    "ParallelAcquisitionTechnique": "SENSE",
    "ParallelReductionFactorInPlane": 2,
    "PatientPosition": "HFS",
    "PhaseEncodingDirection": "j",
    "PhilipsRescaleIntercept": 0,
    "PhilipsRescaleSlope": 0.78803,
    "PhilipsScaleSlope": 0.0518232,
    "ProtocolName": "WIPtask-rest_boldSENSE",
    "PulseSequenceType": "gradient echo EPI",
    "ReconMatrixPE": 80,
    "RepetitionTime": 2,
    "SeriesDescription": "ImageMRSERIES",
    "SeriesNumber": 4,
    "SliceEncodingDirection": "k",
    "TaskName": "restingstate",
    "UsePhilipsFloatNotDisplayScaling": 1,
    "WaterFatShift": 12,
    "acq_id": "seq",
    "dataset": "ds002790",
    "modality": "bold",
    "subject_id": "0210",
    "task_id": "restingstate"
  },
  "dummy_trs": 0,
  "dvars_nstd": 19.763919611255243,
  "dvars_std": 1.3277547417991642,
  "dvars_vstd": 1.0023677138075313,
  "efc": 0.40757685403418725,
  "fber": 268711.8125,
  "fd_mean": 0.1131889046807695,
  "fd_num": 16,
  "fd_perc": 6.666666666666667,
  "fwhm_avg": 1.9614354634576683,
  "fwhm_x": 1.9443733333333333,
  "fwhm_y": 2.0895966666666665,
  "fwhm_z": 1.8503363903730046,
  "gcor": 0.0565333,
  "gsr_x": -0.014810428954660892,
  "gsr_y": 0.0053561110980808735,
  "provenance": {
    "md5sum": "b9dec518b5d61a95827fc24b3c19ec6e",
    "settings": {
      "fd_thres": 0.2,
      "testing": false
    },
    "software": "mriqc",
    "version": "23.0.1",
    "webapi_port": null,
    "webapi_url": "https://mriqc.nimh.nih.gov/api/v1"
  },
  "size_t": 240,
  "size_x": 80,
  "size_y": 80,
  "size_z": 36,
  "snr": 6.214685829619268,
  "spacing_tr": 2.0,
  "spacing_x": 3.0,
  "spacing_y": 3.0,
  "spacing_z": 3.299999952316284,
  "summary_bg_k": 114.96944940723864,
  "summary_bg_mad": 56.142208078891386,
  "summary_bg_mean": 515.78662109375,
  "summary_bg_median": 51.994056701660156,
  "summary_bg_n": 158243.0,
  "summary_bg_p05": 5.019582223892212,
  "summary_bg_p95": 2243.447241210933,
  "summary_bg_stdv": 1734.86279296875,
  "summary_fg_k": 2.213684868989157,
  "summary_fg_mad": 4043.9944590811747,
  "summary_fg_mean": 27816.21484375,
  "summary_fg_median": 27412.232421875,
  "summary_fg_n": 32055.0,
  "summary_fg_p05": 21647.79921875,
  "summary_fg_p95": 35015.676171875,
  "summary_fg_stdv": 4410.81103515625,
  "tsnr": 92.25298309326172
}