{
  "aor": 0.0021013574660633484,
  "aqi": 0.005040729185520362,
  "bids_meta": {
    "AcquisitionNumber": 7,
    "BidsifyVersion": "0.3.5",
    "ConversionSoftware": "dcm2niix",
    "ConversionSoftwareVersion": "v1.0.20181125  GCC6.3.0",
    "EchoTime": 0.02763,
    "FlipAngle": 76.1,
    "ImageComments": "PIOP2",
    "ImageOrientationPatientDICOM": [
      0.999614,
      0.00790766,
      -0.0266348,
      -0.0122132,
      0.986118,
      -0.165595
    ],
    "Manufacturer": "Philips",
    "NumberOfVolumesDiscardedByScanner": 2,
    "ParallelAcquisitionTechnique": "SENSE",
    "ParallelReductionFactorInPlane": 2,
    "PatientPosition": "HFS",
    "PhaseEncodingDirection": "j",
    "PhilipsRescaleIntercept": 0,
    "PhilipsRescaleSlope": 0.77485,
    "PhilipsScaleSlope": 0.0549391,
    "ProtocolName": "WIPtask-stop_boldSENSE",
    "PulseSequenceType": "gradient echo EPI",
    "ReconMatrixPE": 80,
    "RepetitionTime": 2,
    "SeriesDescription": "ImageMRSERIES",
    "SeriesNumber": 7,
    "SliceEncodingDirection": "k",
    "TaskName": "stopsignal",
    "UsePhilipsFloatNotDisplayScaling": 1,
    "WaterFatShift": 12,
    "acq_id": "seq",
    "dataset": "ds002790",
    "modality": "bold",
    "subject_id": "0210",
    "task_id": "stopsignal"
  },
  "dummy_trs": 0,
  "dvars_nstd": 20.549831797863636,
  "dvars_std": 1.3222646928636372,
  "dvars_vstd": 0.9969905146818182,
  "efc": 0.4096022438214468,
  "fber": 263400.5625,
  "fd_mean": 0.12215785978499219,
  "fd_num": 16,
  "fd_perc": 7.239819004524887,
  "fwhm_avg": 1.963013847332891,
  "fwhm_x": 1.9514699999999998,
  "fwhm_y": 2.0795866666666667,
  "fwhm_z": 1.857984875332007,
  "gcor": 0.0559547,
  "gsr_x": -0.01494155265390873,
  "gsr_y": 0.005621341057121754,
  "provenance": {
    "md5sum": "7ddb135c247059414407c7b9d2b50c01",
    "settings": {
      "fd_thres": 0.2,
      "testing": false
    },
    "software": "mriqc",
    "version": "23.0.1",
    "webapi_port": null,
    "webapi_url": "https://mriqc.nimh.nih.gov/api/v1"
  },
  "size_t": 221,
  "size_x": 80,
  "size_y": 80,
  "size_z": 36,
  "snr": 6.328542343463468,
  "spacing_tr": 2.0,
  "spacing_x": 3.0,
  "spacing_y": 3.0,
  "spacing_z": 3.299999952316284,
  "summary_bg_k": 108.15312654235747,
  "summary_bg_mad": 55.01444525844515,
  "summary_bg_mean": 517.080810546875,
  "summary_bg_median": 51.314414978027344,
  "summary_bg_n": 158040.0,
  "summary_bg_p05": 4.979201340675354,
  "summary_bg_p95": 2281.3364990234327,
  "summary_bg_stdv": 1717.8525390625,
  "summary_fg_k": 1.9057889467859148,
  "summary_fg_mad": 3956.800363959043,
  "summary_fg_mean": 27275.42578125,
  "summary_fg_median": 26909.490234375,
  "summary_fg_n": 32270.0,
  "summary_fg_p05": 21270.2482421875,
  "summary_fg_p95": 34249.56484375,
  "summary_fg_stdv": 4252.017578125,
  "tsnr": 87.89671325683594
}