{
  "bids_meta": {
    "AcquisitionNumber": 2,
    "BidsifyVersion": "0.3.5",
    "ConversionSoftware": "dcm2niix",
    "ConversionSoftwareVersion": "v1.0.20181125  GCC6.3.0",
    "EchoTime": 0.00374,
    "ImageComments": "PIOP2",
    "ImageOrientationPatientDICOM": [
      0.999593,
      -0.0122386,
      -0.0257484,
      0.0137834,
      0.998061,
      0.0606993
    ],
    "Manufacturer": "Philips",
    "NumberSignalAcquisitions": 2,
    "PatientPosition": "HFS",
    "PhilipsRescaleIntercept": 0,
    "PhilipsRescaleSlope": 9.37192,
    "PhilipsScaleSlope": 0.00679737,
    "ProtocolName": "WIPT1anat_acq-6m_T1wSENSE",
    "ReconMatrixPE": 240,
    "RepetitionTime": 0.008165,
    "SeriesDescription": "ImageMRSERIES",
    "SeriesNumber": 2,
    "UsePhilipsFloatNotDisplayScaling": 1,
    "dataset": "ds002790",
    "modality": "T1w",
    "subject_id": "0198"
  },
  "cjv": 0.298739066979771,
  "cnr": 3.8695168499439005,
  "efc": 0.772095771833986,
  "fber": 946.178955078125,
  "fwhm_avg": 4.545956567232635,
  "fwhm_x": 4.267940254389063,
  "fwhm_y": 4.636309447308845,
  "fwhm_z": 4.73362,
  "icvs_csf": 0.2772955719053875,
  "icvs_gm": 0.35082016433989927,
  "icvs_wm": 0.37188426375471323,
  "inu_med": 0.6562948226928711,
  "inu_range": 0.2400800466537475,
  "provenance": {
    "md5sum": "4911b168cadba2bd63f6458ef2bb05a9",
    "settings": {
      "testing": false
    },
    "software": "mriqc",
    "version": "22.0.0rc1",
    "warnings": {
      "large_rot_frame": true,
      "small_air_mask": true
    },
    "webapi_port": null,
    "webapi_url": "https://mriqc.nimh.nih.gov/api/v1"
  },
  "qi_1": 0.0001544665662633986,
  "qi_2": 0.0001529234766134683,
  "rpve_csf": 19.867374177696757,
  "rpve_gm": 13.73624025194961,
  "rpve_wm": 18.27961105314862,
  "size_x": 240,
  "size_y": 240,
  "size_z": 220,
  "snr_csf": 3.4450197301851353,
  "snr_gm": 8.712045819999785,
  "snr_total": 13.182119410785974,
  "snr_wm": 27.389292682173004,
  "snrd_csf": 21.161955253539297,
  "snrd_gm": 37.064307582174095,
  "snrd_total": 37.8823246534753,
  "snrd_wm": 55.42071112471252,
  "spacing_x": 0.9999999403953552,
  "spacing_y": 1.0000001192092896,
  "spacing_z": 1.0,
  "summary_bg_k": 187.19833158990483,
  "summary_bg_mad": 11.821268294352446,
  "summary_bg_mean": 12.036845207214355,
  "summary_bg_median": 8.40394401550293,
  "summary_bg_n": 186638.0,
  "summary_bg_p05": 0.0,
  "summary_bg_p95": 25.132948112487792,
  "summary_bg_stdv": 10.06566047668457,
  "summary_csf_k": -0.08510706782630573,
  "summary_csf_mad": 101.9622936488854,
  "summary_csf_mean": 360.08929443359375,
  "summary_csf_median": 381.8459167480469,
  "summary_csf_n": 20531.0,
  "summary_csf_p05": 138.95037078857422,
  "summary_csf_p95": 510.01971435546875,
  "summary_csf_stdv": 110.8372802734375,
  "summary_gm_k": 0.6402608234149656,
  "summary_gm_mad": 67.5307031375973,
  "summary_gm_mean": 674.6461181640625,
  "summary_gm_median": 668.7876586914062,
  "summary_gm_n": 16477.0,
  "summary_gm_p05": 558.1072265625,
  "summary_gm_p95": 815.7688476562499,
  "summary_gm_stdv": 76.7635269165039,
  "summary_wm_k": 1.9603520694574073,
  "summary_wm_mad": 31.418425919503477,
  "summary_wm_mean": 998.8772583007812,
  "summary_wm_median": 1000.01025390625,
  "summary_wm_n": 257809.0,
  "summary_wm_p05": 936.825146484375,
  "summary_wm_p95": 1055.0784912109375,
  "summary_wm_stdv": 36.510921478271484,
  "tpm_overlap_csf": 0.1644173264503479,
  "tpm_overlap_gm": 0.4201584756374359,
  "tpm_overlap_wm": 0.5292590856552124,
  "wm2max": 0.6824165030118814
}