{
  "bids_meta": {
    "AcquisitionNumber": 2,
    "BidsifyVersion": "0.3.5",
    "ConversionSoftware": "dcm2niix",
    "ConversionSoftwareVersion": "v1.0.20181125  GCC6.3.0",
    "EchoTime": 0.00379,
    "ImageComments": "PIOP2",
    "ImageOrientationPatientDICOM": [
      0.999467,
      0.0322009,
      -0.00542499,
      -0.0326318,
      0.991103,
      -0.129033
    ],
    "Manufacturer": "Philips",
    "NumberSignalAcquisitions": 2,
    "PatientPosition": "HFS",
    "PhilipsRescaleIntercept": 0,
    "PhilipsRescaleSlope": 8.49573,
    "PhilipsScaleSlope": 0.00711727,
    "ProtocolName": "WIPT1anat_acq-6m_T1wSENSE",
    "ReconMatrixPE": 240,
    "RepetitionTime": 0.008249,
    "SeriesDescription": "ImageMRSERIES",
    "SeriesNumber": 2,
    "UsePhilipsFloatNotDisplayScaling": 1,
    "dataset": "ds002790",
    "modality": "T1w",
    "subject_id": "0157"
  },
  "cjv": 0.27018914705096414,
  "cnr": 4.683291497967389,
  "efc": 0.7533762247546674,
  "fber": 1858.8580322265625,
  "fwhm_avg": 4.5399735109690935,
  "fwhm_x": 4.311700256997362,
  "fwhm_y": 4.67922,
  "fwhm_z": 4.629000275909917,
  "icvs_csf": 0.23753389580058218,
  "icvs_gm": 0.4079688412440261,
  "icvs_wm": 0.35449726295539175,
  "inu_med": 1.75608229637146,
  "inu_range": 0.37396795749664324,
  "provenance": {
    "md5sum": "24d49d778b5b0d75211fef2a1783ce22",
    "settings": {
      "testing": false
    },
    "software": "mriqc",
    "version": "22.0.0rc1",
    "warnings": {
      "large_rot_frame": true,
      "small_air_mask": true
    },
    "webapi_port": null,
    "webapi_url": "https://mriqc.nimh.nih.gov/api/v1"
  },
  "qi_1": 0.0,
  "qi_2": 5.3742321848023535e-05,
  "rpve_csf": 24.214227551288186,
  "rpve_gm": 14.247458196310287,
  "rpve_wm": 20.97278056463388,
  "size_x": 240,
  "size_y": 240,
  "size_z": 220,
  "snr_csf": 1.65558979117281,
  "snr_gm": 9.70414205577023,
  "snr_total": 12.08582690096778,
  "snr_wm": 24.89774885596029,
  "snrd_csf": 25.703334851414656,
  "snrd_gm": 52.5442367150552,
  "snrd_total": 53.59073966945834,
  "snrd_wm": 82.52464744190516,
  "spacing_x": 0.9999999403953552,
  "spacing_y": 1.0,
  "spacing_z": 0.9999999403953552,
  "summary_bg_k": 384.4197653522002,
  "summary_bg_mad": 7.938659761739562,
  "summary_bg_mean": 8.218893051147461,
  "summary_bg_median": 5.477980613708496,
  "summary_bg_n": 231243.0,
  "summary_bg_p05": 0.0,
  "summary_bg_p95": 21.785352516174317,
  "summary_bg_stdv": 9.970536231994629,
  "summary_csf_k": 97.42115390015545,
  "summary_csf_mad": 98.6374785419315,
  "summary_csf_mean": 303.43621826171875,
  "summary_csf_median": 311.4619140625,
  "summary_csf_n": 15779.0,
  "summary_csf_p05": 131.53229522705078,
  "summary_csf_p95": 426.91909179687497,
  "summary_csf_stdv": 188.1215057373047,
  "summary_gm_k": 0.30132728273295184,
  "summary_gm_mad": 62.72930345419898,
  "summary_gm_mean": 641.9166259765625,
  "summary_gm_median": 636.7083740234375,
  "summary_gm_n": 24594.0,
  "summary_gm_p05": 543.49853515625,
  "summary_gm_p95": 759.0801727294921,
  "summary_gm_stdv": 65.61068725585938,
  "summary_wm_k": 1.071688823226296,
  "summary_wm_mad": 35.427623385988504,
  "summary_wm_mean": 996.5072631835938,
  "summary_wm_median": 999.998046875,
  "summary_wm_n": 204005.0,
  "summary_wm_p05": 924.1991455078125,
  "summary_wm_p95": 1055.842041015625,
  "summary_wm_stdv": 40.16409683227539,
  "tpm_overlap_csf": 0.17527112364768982,
  "tpm_overlap_gm": 0.4476034939289093,
  "tpm_overlap_wm": 0.5130753517150879,
  "wm2max": 0.6690399740943309
}