{
  "aor": 0.002723703703703704,
  "aqi": 0.003021598666666667,
  "bids_meta": {
    "AcquisitionNumber": 8,
    "BidsifyVersion": "0.3.5",
    "ConversionSoftware": "dcm2niix",
    "ConversionSoftwareVersion": "v1.0.20181125  GCC6.3.0",
    "EchoTime": 0.02763,
    "EffectiveEchoSpacing": 0.0006909035636805814,
    "FlipAngle": 76.1,
    "ImageComments": "PIOP2",
    "ImageOrientationPatientDICOM": [
      0.996591,
      -0.0257749,
      0.0783745,
      0.0348017,
      0.992629,
      -0.116086
    ],
    "Manufacturer": "Philips",
    "NumberOfVolumesDiscardedByScanner": 2,
    "ParallelAcquisitionTechnique": "SENSE",
    "ParallelReductionFactorInPlane": 2,
    "PatientPosition": "HFS",
    "PhaseEncodingDirection": "j",
    "PhilipsRescaleIntercept": 0,
    "PhilipsRescaleSlope": 0.81807,
    "PhilipsScaleSlope": 0.054473,
    "ProtocolName": "WIPtask-harriri_boldSENSE",
    "PulseSequenceType": "gradient echo EPI",
    "ReconMatrixPE": 80,
    "RepetitionTime": 2,
    "SeriesDescription": "ImageMRSERIES",
    "SeriesNumber": 8,
    "SliceEncodingDirection": "k",
    "SliceTiming": [
      0.0,
      0.0556,
      0.1111,
      0.1667,
      0.2222,
      0.2778,
      0.3333,
      0.3889,
      0.4444,
      0.5,
      0.5556,
      0.6111,
      0.6667,
      0.7222,
      0.7778,
      0.8333,
      0.8889,
      0.9444,
      1.0,
      1.0556,
      1.1111,
      1.1667,
      1.2222,
      1.2778,
      1.3333,
      1.3889,
      1.4444,
      1.5,
      1.5556,
      1.6111,
      1.6667,
      1.7222,
      1.7778,
      1.8333,
      1.8889,
      1.9444
    ],
    "TaskName": "emomatching",
    "TotalReadoutTime": 0.026945238983542674,
    "UsePhilipsFloatNotDisplayScaling": 1,
    "WaterFatShift": 12,
    "acq_id": "seq",
    "dataset": "ds002790",
    "modality": "bold",
    "subject_id": "0162",
    "task_id": "emomatching"
  },
  "dummy_trs": 0,
  "dvars_nstd": 17.93704159552238,
  "dvars_std": 1.2418109901492542,
  "dvars_vstd": 1.0246770085074624,
  "efc": 0.4399466765366639,
  "fber": 180192.421875,
  "fd_mean": 0.09218203878499777,
  "fd_num": 5,
  "fd_perc": 3.7037037037037037,
  "fwhm_avg": 2.0032666757307473,
  "fwhm_x": 1.9711433333333332,
  "fwhm_y": 2.15679,
  "fwhm_z": 1.8818666938589081,
  "gcor": 0.0305843,
  "gsr_x": -0.012330864556133747,
  "gsr_y": 0.015051938593387604,
  "provenance": {
    "md5sum": "d8c9dcfb14bab8d0778e9fbe549ac3bd",
    "settings": {
      "fd_thres": 0.2,
      "testing": false
    },
    "software": "mriqc",
    "version": "22.0.0rc1",
    "webapi_port": null,
    "webapi_url": "https://mriqc.nimh.nih.gov/api/v1"
  },
  "size_t": 135,
  "size_x": 80,
  "size_y": 80,
  "size_z": 36,
  "snr": 5.765383233263351,
  "spacing_tr": 2.0,
  "spacing_x": 3.0,
  "spacing_y": 3.0,
  "spacing_z": 3.299999952316284,
  "summary_bg_k": 35.12367430331233,
  "summary_bg_mad": 65.74022132764827,
  "summary_bg_mean": 699.7242431640625,
  "summary_bg_median": 60.20983123779297,
  "summary_bg_n": 154157.0,
  "summary_bg_p05": 6.640606498718261,
  "summary_bg_p95": 3707.816503906248,
  "summary_bg_stdv": 1835.0753173828125,
  "summary_fg_k": 1.4582763592256098,
  "summary_fg_mad": 4172.167158295459,
  "summary_fg_mean": 26501.931640625,
  "summary_fg_median": 26022.978515625,
  "summary_fg_n": 36035.0,
  "summary_fg_p05": 20146.9138671875,
  "summary_fg_p95": 34328.6375,
  "summary_fg_stdv": 4513.59716796875,
  "tsnr": 103.36849212646484
}