{
  "aor": 0.003830125,
  "aqi": 0.0049148500625,
  "bids_meta": {
    "AcquisitionNumber": 3,
    "BidsifyVersion": "0.3.5",
    "ConversionSoftware": "dcm2niix",
    "ConversionSoftwareVersion": "v1.0.20181125  GCC6.3.0",
    "EchoTime": 0.02763,
    "EffectiveEchoSpacing": 0.0006909035636805814,
    "FlipAngle": 76.1,
    "ImageComments": "PIOP2",
    "ImageOrientationPatientDICOM": [
      0.996591,
      -0.0257749,
      0.0783745,
      0.0348017,
      0.992629,
      -0.116086
    ],
    "Manufacturer": "Philips",
    "NumberOfVolumesDiscardedByScanner": 2,
    "ParallelAcquisitionTechnique": "SENSE",
    "ParallelReductionFactorInPlane": 2,
    "PatientPosition": "HFS",
    "PhaseEncodingDirection": "j",
    "PhilipsRescaleIntercept": 0,
    "PhilipsRescaleSlope": 0.83639,
    "PhilipsScaleSlope": 0.0510962,
    "ProtocolName": "WIPtask-wm_boldSENSE",
    "PulseSequenceType": "gradient echo EPI",
    "ReconMatrixPE": 80,
    "RepetitionTime": 2,
    "SeriesDescription": "ImageMRSERIES",
    "SeriesNumber": 3,
    "SliceEncodingDirection": "k",
    "SliceTiming": [
      0.0,
      0.0556,
      0.1111,
      0.1667,
      0.2222,
      0.2778,
      0.3333,
      0.3889,
      0.4444,
      0.5,
      0.5556,
      0.6111,
      0.6667,
      0.7222,
      0.7778,
      0.8333,
      0.8889,
      0.9444,
      1.0,
      1.0556,
      1.1111,
      1.1667,
      1.2222,
      1.2778,
      1.3333,
      1.3889,
      1.4444,
      1.5,
      1.5556,
      1.6111,
      1.6667,
      1.7222,
      1.7778,
      1.8333,
      1.8889,
      1.9444
    ],
    "TaskName": "workingmemory",
    "TotalReadoutTime": 0.026945238983542674,
    "UsePhilipsFloatNotDisplayScaling": 1,
    "WaterFatShift": 12,
    "acq_id": "seq",
    "dataset": "ds002790",
    "modality": "bold",
    "subject_id": "0162",
    "task_id": "workingmemory"
  },
  "dummy_trs": 0,
  "dvars_nstd": 21.27116259069182,
  "dvars_std": 1.29988334981132,
  "dvars_vstd": 1.0036533600000002,
  "efc": 0.43719543522829757,
  "fber": 167847.203125,
  "fd_mean": 0.11272676350797405,
  "fd_num": 7,
  "fd_perc": 4.375,
  "fwhm_avg": 2.0401449587241642,
  "fwhm_x": 2.0096666666666665,
  "fwhm_y": 2.1946166666666667,
  "fwhm_z": 1.9161515428391591,
  "gcor": 0.0369495,
  "gsr_x": -0.01236750278621912,
  "gsr_y": 0.015903538092970848,
  "provenance": {
    "md5sum": "655c39f7b9ab5d84a70d02ff2691c01a",
    "settings": {
      "fd_thres": 0.2,
      "testing": false
    },
    "software": "mriqc",
    "version": "22.0.0rc1",
    "webapi_port": null,
    "webapi_url": "https://mriqc.nimh.nih.gov/api/v1"
  },
  "size_t": 160,
  "size_x": 80,
  "size_y": 80,
  "size_z": 36,
  "snr": 5.456818454500904,
  "spacing_tr": 2.0,
  "spacing_x": 3.0,
  "spacing_y": 3.0,
  "spacing_z": 3.299999952316284,
  "summary_bg_k": 38.362433578941676,
  "summary_bg_mad": 73.15531724471087,
  "summary_bg_mean": 696.8470458984375,
  "summary_bg_median": 64.73648071289062,
  "summary_bg_n": 154122.0,
  "summary_bg_p05": 5.962294363975525,
  "summary_bg_p95": 3624.132153320311,
  "summary_bg_stdv": 1854.7593994140625,
  "summary_fg_k": 1.664459237448388,
  "summary_fg_mad": 4517.132787769233,
  "summary_fg_mean": 27654.376953125,
  "summary_fg_median": 27065.59375,
  "summary_fg_n": 35955.0,
  "summary_fg_p05": 20775.04375,
  "summary_fg_p95": 36267.075390624996,
  "summary_fg_stdv": 4959.8896484375,
  "tsnr": 80.8966293334961
}