{
  "bids_meta": {
    "AcquisitionNumber": 2,
    "BidsifyVersion": "0.3.5",
    "ConversionSoftware": "dcm2niix",
    "ConversionSoftwareVersion": "v1.0.20181125  GCC6.3.0",
    "EchoTime": 0.00377,
    "ImageComments": "PIOP2",
    "ImageOrientationPatientDICOM": [
      0.999766,
      0.0175488,
      -0.0126345,
      -0.0160547,
      0.993807,
      0.109951
    ],
    "Manufacturer": "Philips",
    "NumberSignalAcquisitions": 2,
    "PatientPosition": "HFS",
    "PhilipsRescaleIntercept": 0,
    "PhilipsRescaleSlope": 9.05934,
    "PhilipsScaleSlope": 0.00743352,
    "ProtocolName": "WIPT1anat_acq-6m_T1wSENSE",
    "ReconMatrixPE": 240,
    "RepetitionTime": 0.00822,
    "SeriesDescription": "ImageMRSERIES",
    "SeriesNumber": 2,
    "UsePhilipsFloatNotDisplayScaling": 1,
    "dataset": "ds002790",
    "modality": "T1w",
    "subject_id": "0151"
  },
  "cjv": 0.25398279321209555,
  "cnr": 4.655205772360677,
  "efc": 0.764848768260156,
  "fber": 1683.3648681640625,
  "fwhm_avg": 4.299056666666666,
  "fwhm_x": 4.02696,
  "fwhm_y": 4.32123,
  "fwhm_z": 4.54898,
  "icvs_csf": 0.22789917923018252,
  "icvs_gm": 0.42316003362554416,
  "icvs_wm": 0.34894078714427335,
  "inu_med": 1.802810788154602,
  "inu_range": 0.34625518321990967,
  "provenance": {
    "md5sum": "5a42b8a500d59af6614c0fe4a67dc997",
    "settings": {
      "testing": false
    },
    "software": "mriqc",
    "version": "22.0.0rc1",
    "warnings": {
      "large_rot_frame": true,
      "small_air_mask": true
    },
    "webapi_port": null,
    "webapi_url": "https://mriqc.nimh.nih.gov/api/v1"
  },
  "qi_1": 0.0,
  "qi_2": 6.91525000419208e-05,
  "rpve_csf": 26.41551829646562,
  "rpve_gm": 14.972623578702565,
  "rpve_wm": 22.56931015830142,
  "size_x": 240,
  "size_y": 240,
  "size_z": 220,
  "snr_csf": 1.5666543085085811,
  "snr_gm": 8.558114774982906,
  "snr_total": 11.823388465122603,
  "snr_wm": 25.34539631187632,
  "snrd_csf": 19.73995879613259,
  "snrd_gm": 51.13789598682958,
  "snrd_total": 51.29367188897445,
  "snrd_wm": 83.00316088396117,
  "spacing_x": 1.0,
  "spacing_y": 1.0,
  "spacing_z": 1.0,
  "summary_bg_k": 22.946693669839938,
  "summary_bg_mad": 7.892836039568209,
  "summary_bg_mean": 9.23093032836914,
  "summary_bg_median": 5.547350883483887,
  "summary_bg_n": 150901.0,
  "summary_bg_p05": 0.0,
  "summary_bg_p95": 21.95926856994629,
  "summary_bg_stdv": 7.8705058097839355,
  "summary_csf_k": 80.70013765818054,
  "summary_csf_mad": 123.60530888983692,
  "summary_csf_mean": 252.33428955078125,
  "summary_csf_median": 237.819580078125,
  "summary_csf_n": 12797.0,
  "summary_csf_p05": 100.48397064208984,
  "summary_csf_p95": 419.4676391601561,
  "summary_csf_stdv": 151.7949981689453,
  "summary_gm_k": 1.2072162726392959,
  "summary_gm_mad": 63.6378769145814,
  "summary_gm_mean": 623.8938598632812,
  "summary_gm_median": 616.090087890625,
  "summary_gm_n": 24490.0,
  "summary_gm_p05": 521.3491607666016,
  "summary_gm_p95": 756.5722503662109,
  "summary_gm_stdv": 71.9875259399414,
  "summary_wm_k": 1.2364220404658868,
  "summary_wm_mad": 33.86629412096802,
  "summary_wm_mean": 996.8173828125,
  "summary_wm_median": 999.9907836914062,
  "summary_wm_n": 183469.0,
  "summary_wm_p05": 925.0500122070313,
  "summary_wm_p95": 1055.8778076171875,
  "summary_wm_stdv": 39.45442581176758,
  "tpm_overlap_csf": 0.17770934104919434,
  "tpm_overlap_gm": 0.4551255404949188,
  "tpm_overlap_wm": 0.5030720233917236,
  "wm2max": 0.7413548294853446
}