{
  "aor": 0.004835375,
  "aqi": 0.0046081300625,
  "bids_meta": {
    "AcquisitionNumber": 3,
    "BidsifyVersion": "0.3.5",
    "ConversionSoftware": "dcm2niix",
    "ConversionSoftwareVersion": "v1.0.20181125  GCC6.3.0",
    "EchoTime": 0.02763,
    "EffectiveEchoSpacing": 0.0006909035636805814,
    "FlipAngle": 76.1,
    "ImageComments": "PIOP2",
    "ImageOrientationPatientDICOM": [
      0.998141,
      -0.0609427,
      0.000664532,
      0.0608741,
      0.996367,
      -0.0595506
    ],
    "Manufacturer": "Philips",
    "NumberOfVolumesDiscardedByScanner": 2,
    "ParallelAcquisitionTechnique": "SENSE",
    "ParallelReductionFactorInPlane": 2,
    "PatientPosition": "HFS",
    "PhaseEncodingDirection": "j",
    "PhilipsRescaleIntercept": 0,
    "PhilipsRescaleSlope": 0.76166,
    "PhilipsScaleSlope": 0.0496818,
    "ProtocolName": "WIPtask-wm_boldSENSE",
    "PulseSequenceType": "gradient echo EPI",
    "ReconMatrixPE": 80,
    "RepetitionTime": 2,
    "SeriesDescription": "ImageMRSERIES",
    "SeriesNumber": 3,
    "SliceEncodingDirection": "k",
    "SliceTiming": [
      0.0,
      0.0556,
      0.1111,
      0.1667,
      0.2222,
      0.2778,
      0.3333,
      0.3889,
      0.4444,
      0.5,
      0.5556,
      0.6111,
      0.6667,
      0.7222,
      0.7778,
      0.8333,
      0.8889,
      0.9444,
      1.0,
      1.0556,
      1.1111,
      1.1667,
      1.2222,
      1.2778,
      1.3333,
      1.3889,
      1.4444,
      1.5,
      1.5556,
      1.6111,
      1.6667,
      1.7222,
      1.7778,
      1.8333,
      1.8889,
      1.9444
    ],
    "TaskName": "workingmemory",
    "TotalReadoutTime": 0.026945238983542674,
    "UsePhilipsFloatNotDisplayScaling": 1,
    "WaterFatShift": 12,
    "acq_id": "seq",
    "dataset": "ds002790",
    "modality": "bold",
    "subject_id": "0165",
    "task_id": "workingmemory"
  },
  "dummy_trs": 0,
  "dvars_nstd": 18.094124686100628,
  "dvars_std": 1.2275638544654093,
  "dvars_vstd": 1.0233173914465408,
  "efc": 0.42185575111295337,
  "fber": 241092.671875,
  "fd_mean": 0.14088967725977375,
  "fd_num": 25,
  "fd_perc": 15.625,
  "fwhm_avg": 2.0829342519297076,
  "fwhm_x": 2.0076233333333335,
  "fwhm_y": 2.267673333333333,
  "fwhm_z": 1.9735060891224556,
  "gcor": 0.0790736,
  "gsr_x": -0.019729483872652054,
  "gsr_y": 0.015725135803222656,
  "provenance": {
    "md5sum": "7a56ba8e729f515e28bcf63dbdc1fcb7",
    "settings": {
      "fd_thres": 0.2,
      "testing": false
    },
    "software": "mriqc",
    "version": "22.0.0rc1",
    "webapi_port": null,
    "webapi_url": "https://mriqc.nimh.nih.gov/api/v1"
  },
  "size_t": 160,
  "size_x": 80,
  "size_y": 80,
  "size_z": 36,
  "snr": 5.256314147976081,
  "spacing_tr": 2.0,
  "spacing_x": 3.0,
  "spacing_y": 3.0,
  "spacing_z": 3.299999952316284,
  "summary_bg_k": 103.57063932418355,
  "summary_bg_mad": 60.36516191915731,
  "summary_bg_mean": 597.7230834960938,
  "summary_bg_median": 56.560028076171875,
  "summary_bg_n": 155345.0,
  "summary_bg_p05": 4.813945007324219,
  "summary_bg_p95": 2798.743212890624,
  "summary_bg_stdv": 1928.9755859375,
  "summary_fg_k": 1.7424170683133076,
  "summary_fg_mad": 4916.265520952706,
  "summary_fg_mean": 29336.494140625,
  "summary_fg_median": 28624.77734375,
  "summary_fg_n": 34700.0,
  "summary_fg_p05": 22022.11591796875,
  "summary_fg_p95": 39029.51328124997,
  "summary_fg_stdv": 5445.71044921875,
  "tsnr": 84.1363525390625
}