{
  "aor": 0.0021099999999999995,
  "aqi": 0.004310689481481482,
  "bids_meta": {
    "AcquisitionNumber": 9,
    "BidsifyVersion": "0.3.5",
    "ConversionSoftware": "dcm2niix",
    "ConversionSoftwareVersion": "v1.0.20181125  GCC6.3.0",
    "EchoTime": 0.02763,
    "EffectiveEchoSpacing": 0.0006909035636805814,
    "FlipAngle": 76.1,
    "ImageComments": "PIOP2",
    "ImageOrientationPatientDICOM": [
      0.997849,
      -0.0075716,
      0.0651091,
      -0.00435397,
      0.983456,
      0.181095
    ],
    "Manufacturer": "Philips",
    "NumberOfVolumesDiscardedByScanner": 2,
    "ParallelAcquisitionTechnique": "SENSE",
    "ParallelReductionFactorInPlane": 2,
    "PatientPosition": "HFS",
    "PhaseEncodingDirection": "j",
    "PhilipsRescaleIntercept": 0,
    "PhilipsRescaleSlope": 0.76093,
    "PhilipsScaleSlope": 0.0586357,
    "ProtocolName": "WIPtask-harriri_boldSENSE",
    "PulseSequenceType": "gradient echo EPI",
    "ReconMatrixPE": 80,
    "RepetitionTime": 2,
    "SeriesDescription": "ImageMRSERIES",
    "SeriesNumber": 9,
    "SliceEncodingDirection": "k",
    "SliceTiming": [
      0.0,
      0.0556,
      0.1111,
      0.1667,
      0.2222,
      0.2778,
      0.3333,
      0.3889,
      0.4444,
      0.5,
      0.5556,
      0.6111,
      0.6667,
      0.7222,
      0.7778,
      0.8333,
      0.8889,
      0.9444,
      1.0,
      1.0556,
      1.1111,
      1.1667,
      1.2222,
      1.2778,
      1.3333,
      1.3889,
      1.4444,
      1.5,
      1.5556,
      1.6111,
      1.6667,
      1.7222,
      1.7778,
      1.8333,
      1.8889,
      1.9444
    ],
    "TaskName": "emomatching",
    "TotalReadoutTime": 0.026945238983542674,
    "UsePhilipsFloatNotDisplayScaling": 1,
    "WaterFatShift": 12,
    "acq_id": "seq",
    "dataset": "ds002790",
    "modality": "bold",
    "subject_id": "0064",
    "task_id": "emomatching"
  },
  "dummy_trs": 0,
  "dvars_nstd": 20.69717703298507,
  "dvars_std": 1.3057939467164181,
  "dvars_vstd": 0.9946952413432839,
  "efc": 0.4222004904228758,
  "fber": 233347.9375,
  "fd_mean": 0.10867616019099009,
  "fd_num": 10,
  "fd_perc": 7.407407407407407,
  "fwhm_avg": 2.0876808173668144,
  "fwhm_x": 2.01105,
  "fwhm_y": 2.32405,
  "fwhm_z": 1.9279424521004425,
  "gcor": 0.0368702,
  "gsr_x": -0.016184788197278976,
  "gsr_y": 0.014732723124325275,
  "provenance": {
    "md5sum": "32dd6bafb1413ab34e9dffc601853d97",
    "settings": {
      "fd_thres": 0.2,
      "testing": false
    },
    "software": "mriqc",
    "version": "22.0.0rc1",
    "webapi_port": null,
    "webapi_url": "https://mriqc.nimh.nih.gov/api/v1"
  },
  "size_t": 135,
  "size_x": 80,
  "size_y": 80,
  "size_z": 36,
  "snr": 5.537647120014485,
  "spacing_tr": 2.0,
  "spacing_x": 3.0,
  "spacing_y": 3.0,
  "spacing_z": 3.299999952316284,
  "summary_bg_k": 43.591356463400054,
  "summary_bg_mad": 51.59875117248224,
  "summary_bg_mean": 539.1076049804688,
  "summary_bg_median": 47.96096420288086,
  "summary_bg_n": 156547.0,
  "summary_bg_p05": 6.544234991073608,
  "summary_bg_p95": 2579.3931640624987,
  "summary_bg_stdv": 1506.556884765625,
  "summary_fg_k": 1.653090052005581,
  "summary_fg_mad": 3829.8713710979778,
  "summary_fg_mean": 24059.9140625,
  "summary_fg_median": 23605.83984375,
  "summary_fg_n": 33641.0,
  "summary_fg_p05": 18059.150390625,
  "summary_fg_p95": 31445.244140625,
  "summary_fg_stdv": 4262.72900390625,
  "tsnr": 86.22418212890625
}