{
  "aor": 0.0026850370370370374,
  "aqi": 0.003489023259259259,
  "bids_meta": {
    "AcquisitionNumber": 8,
    "BidsifyVersion": "0.3.5",
    "ConversionSoftware": "dcm2niix",
    "ConversionSoftwareVersion": "v1.0.20181125  GCC6.3.0",
    "EchoTime": 0.02763,
    "EffectiveEchoSpacing": 0.0006909035636805814,
    "FlipAngle": 76.1,
    "ImageComments": "PIOP2",
    "ImageOrientationPatientDICOM": [
      0.998552,
      0.0476706,
      -0.0249232,
      -0.0470905,
      0.998617,
      0.0233638
    ],
    "Manufacturer": "Philips",
    "NumberOfVolumesDiscardedByScanner": 2,
    "ParallelAcquisitionTechnique": "SENSE",
    "ParallelReductionFactorInPlane": 2,
    "PatientPosition": "HFS",
    "PhaseEncodingDirection": "j",
    "PhilipsRescaleIntercept": 0,
    "PhilipsRescaleSlope": 0.74432,
    "PhilipsScaleSlope": 0.0562606,
    "ProtocolName": "WIPtask-harriri_boldSENSE",
    "PulseSequenceType": "gradient echo EPI",
    "ReconMatrixPE": 80,
    "RepetitionTime": 2,
    "SeriesDescription": "ImageMRSERIES",
    "SeriesNumber": 8,
    "SliceEncodingDirection": "k",
    "SliceTiming": [
      0.0,
      0.0556,
      0.1111,
      0.1667,
      0.2222,
      0.2778,
      0.3333,
      0.3889,
      0.4444,
      0.5,
      0.5556,
      0.6111,
      0.6667,
      0.7222,
      0.7778,
      0.8333,
      0.8889,
      0.9444,
      1.0,
      1.0556,
      1.1111,
      1.1667,
      1.2222,
      1.2778,
      1.3333,
      1.3889,
      1.4444,
      1.5,
      1.5556,
      1.6111,
      1.6667,
      1.7222,
      1.7778,
      1.8333,
      1.8889,
      1.9444
    ],
    "TaskName": "emomatching",
    "TotalReadoutTime": 0.026945238983542674,
    "UsePhilipsFloatNotDisplayScaling": 1,
    "WaterFatShift": 12,
    "acq_id": "seq",
    "dataset": "ds002790",
    "modality": "bold",
    "subject_id": "0167",
    "task_id": "emomatching"
  },
  "dummy_trs": 0,
  "dvars_nstd": 17.143870873134322,
  "dvars_std": 1.1879052903731342,
  "dvars_vstd": 1.0200853314925373,
  "efc": 0.43626592841405465,
  "fber": 226996.453125,
  "fd_mean": 0.13730587757758725,
  "fd_num": 13,
  "fd_perc": 9.62962962962963,
  "fwhm_avg": 2.053065665856742,
  "fwhm_x": 1.9352266666666667,
  "fwhm_y": 2.2949733333333335,
  "fwhm_z": 1.9289969975702257,
  "gcor": 0.0124143,
  "gsr_x": -0.017150500789284706,
  "gsr_y": 0.02101631835103035,
  "provenance": {
    "md5sum": "af204dc38565b4a490e6875ac1d245b3",
    "settings": {
      "fd_thres": 0.2,
      "testing": false
    },
    "software": "mriqc",
    "version": "22.0.0rc1",
    "webapi_port": null,
    "webapi_url": "https://mriqc.nimh.nih.gov/api/v1"
  },
  "size_t": 135,
  "size_x": 80,
  "size_y": 80,
  "size_z": 36,
  "snr": 5.717471410763606,
  "spacing_tr": 2.0,
  "spacing_x": 3.0,
  "spacing_y": 3.0,
  "spacing_z": 3.299999952316284,
  "summary_bg_k": 68.7251052029191,
  "summary_bg_mad": 52.361877545564134,
  "summary_bg_mean": 544.1235961914062,
  "summary_bg_median": 49.68330001831055,
  "summary_bg_n": 152775.0,
  "summary_bg_p05": 3.8153945446014403,
  "summary_bg_p95": 2569.476489257811,
  "summary_bg_stdv": 1690.7320556640625,
  "summary_fg_k": 2.246385114869204,
  "summary_fg_mad": 3886.72279562126,
  "summary_fg_mean": 24636.51171875,
  "summary_fg_median": 24265.236328125,
  "summary_fg_n": 37132.0,
  "summary_fg_p05": 18495.8423828125,
  "summary_fg_p95": 31620.393749999985,
  "summary_fg_stdv": 4243.9931640625,
  "tsnr": 101.72408294677734
}