{
  "aor": 0.0028286,
  "aqi": 0.00584386804,
  "bids_meta": {
    "AcquisitionNumber": 7,
    "BidsifyVersion": "0.3.5",
    "ConversionSoftware": "dcm2niix",
    "ConversionSoftwareVersion": "v1.0.20181125  GCC6.3.0",
    "EchoTime": 0.02763,
    "EffectiveEchoSpacing": 0.0006909035636805814,
    "FlipAngle": 76.1,
    "ImageComments": "PIOP2",
    "ImageOrientationPatientDICOM": [
      0.998552,
      0.0476706,
      -0.0249232,
      -0.0470905,
      0.998617,
      0.0233638
    ],
    "Manufacturer": "Philips",
    "NumberOfVolumesDiscardedByScanner": 2,
    "ParallelAcquisitionTechnique": "SENSE",
    "ParallelReductionFactorInPlane": 2,
    "PatientPosition": "HFS",
    "PhaseEncodingDirection": "j",
    "PhilipsRescaleIntercept": 0,
    "PhilipsRescaleSlope": 0.75995,
    "PhilipsScaleSlope": 0.0563258,
    "ProtocolName": "WIPtask-stop_boldSENSE",
    "PulseSequenceType": "gradient echo EPI",
    "ReconMatrixPE": 80,
    "RepetitionTime": 2,
    "SeriesDescription": "ImageMRSERIES",
    "SeriesNumber": 7,
    "SliceEncodingDirection": "k",
    "SliceTiming": [
      0.0,
      0.0556,
      0.1111,
      0.1667,
      0.2222,
      0.2778,
      0.3333,
      0.3889,
      0.4444,
      0.5,
      0.5556,
      0.6111,
      0.6667,
      0.7222,
      0.7778,
      0.8333,
      0.8889,
      0.9444,
      1.0,
      1.0556,
      1.1111,
      1.1667,
      1.2222,
      1.2778,
      1.3333,
      1.3889,
      1.4444,
      1.5,
      1.5556,
      1.6111,
      1.6667,
      1.7222,
      1.7778,
      1.8333,
      1.8889,
      1.9444
    ],
    "TaskName": "stopsignal",
    "TotalReadoutTime": 0.026945238983542674,
    "UsePhilipsFloatNotDisplayScaling": 1,
    "WaterFatShift": 12,
    "acq_id": "seq",
    "dataset": "ds002790",
    "modality": "bold",
    "subject_id": "0167",
    "task_id": "stopsignal"
  },
  "dummy_trs": 0,
  "dvars_nstd": 16.946914810602426,
  "dvars_std": 1.1600203681526102,
  "dvars_vstd": 1.014338928072289,
  "efc": 0.4379927143946912,
  "fber": 218106.78125,
  "fd_mean": 0.1426373027417882,
  "fd_num": 34,
  "fd_perc": 13.6,
  "fwhm_avg": 2.0462199081206225,
  "fwhm_x": 1.9370066666666668,
  "fwhm_y": 2.3059499999999997,
  "fwhm_z": 1.8957030576952019,
  "gcor": 0.0112515,
  "gsr_x": -0.017663070932030678,
  "gsr_y": 0.02013968676328659,
  "provenance": {
    "md5sum": "b0a72313d8c7c4d7099a1ff56e0a8f45",
    "settings": {
      "fd_thres": 0.2,
      "testing": false
    },
    "software": "mriqc",
    "version": "22.0.0rc1",
    "webapi_port": null,
    "webapi_url": "https://mriqc.nimh.nih.gov/api/v1"
  },
  "size_t": 250,
  "size_x": 80,
  "size_y": 80,
  "size_z": 36,
  "snr": 5.8102533700609795,
  "spacing_tr": 2.0,
  "spacing_x": 3.0,
  "spacing_y": 3.0,
  "spacing_z": 3.299999952316284,
  "summary_bg_k": 70.6576774600953,
  "summary_bg_mad": 55.446324896868305,
  "summary_bg_mean": 545.9903564453125,
  "summary_bg_median": 50.61897277832031,
  "summary_bg_n": 152490.0,
  "summary_bg_p05": 3.7740837097167974,
  "summary_bg_p95": 2568.9441162109374,
  "summary_bg_stdv": 1686.0802001953125,
  "summary_fg_k": 2.073063564925935,
  "summary_fg_mad": 3813.212366091996,
  "summary_fg_mean": 24487.443359375,
  "summary_fg_median": 24136.150390625,
  "summary_fg_n": 37265.0,
  "summary_fg_p05": 18420.634375,
  "summary_fg_p95": 31312.41992187497,
  "summary_fg_stdv": 4154.005859375,
  "tsnr": 84.74068450927734
}