{
  "bids_meta": {
    "AcquisitionNumber": 2,
    "BidsifyVersion": "0.3.5",
    "ConversionSoftware": "dcm2niix",
    "ConversionSoftwareVersion": "v1.0.20181125  GCC6.3.0",
    "EchoTime": 0.00373,
    "ImageComments": "PIOP2",
    "ImageOrientationPatientDICOM": [
      0.999483,
      0.016942,
      -0.0273151,
      -0.0162246,
      0.999523,
      0.0262748
    ],
    "Manufacturer": "Philips",
    "NumberSignalAcquisitions": 2,
    "PatientPosition": "HFS",
    "PhilipsRescaleIntercept": 0,
    "PhilipsRescaleSlope": 9.08376,
    "PhilipsScaleSlope": 0.00753052,
    "ProtocolName": "WIPT1anat_acq-6m_T1wSENSE",
    "ReconMatrixPE": 240,
    "RepetitionTime": 0.008148,
    "SeriesDescription": "ImageMRSERIES",
    "SeriesNumber": 2,
    "UsePhilipsFloatNotDisplayScaling": 1,
    "dataset": "ds002790",
    "modality": "T1w",
    "subject_id": "0192"
  },
  "cjv": 0.26518697222351273,
  "cnr": 4.638815071749633,
  "efc": 0.7433477063690695,
  "fber": 1728.99609375,
  "fwhm_avg": 4.824473333333334,
  "fwhm_x": 4.39501,
  "fwhm_y": 4.93539,
  "fwhm_z": 5.14302,
  "icvs_csf": 0.27096608924080906,
  "icvs_gm": 0.38558152802349405,
  "icvs_wm": 0.34345238273569684,
  "inu_med": 1.7514287233352661,
  "inu_range": 0.3477676391601563,
  "provenance": {
    "md5sum": "35d0ae0fc6549b9a1e0603282d777047",
    "settings": {
      "testing": false
    },
    "software": "mriqc",
    "version": "22.0.0rc1",
    "warnings": {
      "large_rot_frame": true,
      "small_air_mask": true
    },
    "webapi_port": null,
    "webapi_url": "https://mriqc.nimh.nih.gov/api/v1"
  },
  "qi_1": 2.1963333783058738e-05,
  "qi_2": 9.436348648384638e-05,
  "rpve_csf": 24.92311081736065,
  "rpve_gm": 16.38312212155357,
  "rpve_wm": 23.97036999003522,
  "size_x": 240,
  "size_y": 240,
  "size_z": 220,
  "snr_csf": 3.1716841621191163,
  "snr_gm": 9.548407929482797,
  "snr_total": 11.85673298363291,
  "snr_wm": 22.85010685929681,
  "snrd_csf": 24.93862283628719,
  "snrd_gm": 53.644039453273365,
  "snrd_total": 54.53598062447554,
  "snrd_wm": 85.02527958386608,
  "spacing_x": 1.0,
  "spacing_y": 1.0,
  "spacing_z": 1.0,
  "summary_bg_k": 54.03583689766619,
  "summary_bg_mad": 7.70518769225817,
  "summary_bg_mean": 7.238373756408691,
  "summary_bg_median": 5.25645637512207,
  "summary_bg_n": 159060.0,
  "summary_bg_p05": 0.0,
  "summary_bg_p95": 20.974393558502193,
  "summary_bg_stdv": 7.024489879608154,
  "summary_csf_k": -0.3828173063752365,
  "summary_csf_mad": 86.14560017246924,
  "summary_csf_mean": 276.9145812988281,
  "summary_csf_median": 293.30804443359375,
  "summary_csf_n": 15463.0,
  "summary_csf_p05": 105.09178314208984,
  "summary_csf_p95": 407.44971008300774,
  "summary_csf_stdv": 92.47407531738281,
  "summary_gm_k": 0.7122134366395065,
  "summary_gm_mad": 60.5780190400362,
  "summary_gm_mean": 636.1397094726562,
  "summary_gm_median": 630.9180908203125,
  "summary_gm_n": 21438.0,
  "summary_gm_p05": 540.3180419921875,
  "summary_gm_p95": 757.0221862792966,
  "summary_gm_stdv": 66.0741958618164,
  "summary_wm_k": 1.2094968945154099,
  "summary_wm_mad": 37.297435986146056,
  "summary_wm_mean": 995.2949829101562,
  "summary_wm_median": 999.9990234375,
  "summary_wm_n": 183464.0,
  "summary_wm_p05": 914.2001403808594,
  "summary_wm_p95": 1058.659112548828,
  "summary_wm_stdv": 43.763309478759766,
  "tpm_overlap_csf": 0.163835346698761,
  "tpm_overlap_gm": 0.4367974102497101,
  "tpm_overlap_wm": 0.5139875411987305,
  "wm2max": 0.8220084100010326
}