{
  "aor": 0.00373152380952381,
  "aqi": 0.005228839047619047,
  "bids_meta": {
    "AcquisitionNumber": 7,
    "BidsifyVersion": "0.3.5",
    "ConversionSoftware": "dcm2niix",
    "ConversionSoftwareVersion": "v1.0.20181125  GCC6.3.0",
    "EchoTime": 0.02763,
    "EffectiveEchoSpacing": 0.0006909035636805814,
    "FlipAngle": 76.1,
    "ImageComments": "PIOP2",
    "ImageOrientationPatientDICOM": [
      0.999691,
      0.00277079,
      0.0246948,
      -0.00453649,
      0.997413,
      0.0717343
    ],
    "Manufacturer": "Philips",
    "NumberOfVolumesDiscardedByScanner": 2,
    "ParallelAcquisitionTechnique": "SENSE",
    "ParallelReductionFactorInPlane": 2,
    "PatientPosition": "HFS",
    "PhaseEncodingDirection": "j",
    "PhilipsRescaleIntercept": 0,
    "PhilipsRescaleSlope": 0.74799,
    "PhilipsScaleSlope": 0.054871,
    "ProtocolName": "WIPtask-stop_boldSENSE",
    "PulseSequenceType": "gradient echo EPI",
    "ReconMatrixPE": 80,
    "RepetitionTime": 2,
    "SeriesDescription": "ImageMRSERIES",
    "SeriesNumber": 7,
    "SliceEncodingDirection": "k",
    "SliceTiming": [
      0.0,
      0.0556,
      0.1111,
      0.1667,
      0.2222,
      0.2778,
      0.3333,
      0.3889,
      0.4444,
      0.5,
      0.5556,
      0.6111,
      0.6667,
      0.7222,
      0.7778,
      0.8333,
      0.8889,
      0.9444,
      1.0,
      1.0556,
      1.1111,
      1.1667,
      1.2222,
      1.2778,
      1.3333,
      1.3889,
      1.4444,
      1.5,
      1.5556,
      1.6111,
      1.6667,
      1.7222,
      1.7778,
      1.8333,
      1.8889,
      1.9444
    ],
    "TaskName": "stopsignal",
    "TotalReadoutTime": 0.026945238983542674,
    "UsePhilipsFloatNotDisplayScaling": 1,
    "WaterFatShift": 12,
    "acq_id": "seq",
    "dataset": "ds002790",
    "modality": "bold",
    "subject_id": "0056",
    "task_id": "stopsignal"
  },
  "dummy_trs": 6,
  "dvars_nstd": 17.96061734822967,
  "dvars_std": 1.279704257655502,
  "dvars_vstd": 1.0465932484210534,
  "efc": 0.4341467435008908,
  "fber": 226080.015625,
  "fd_mean": 0.1262449367461928,
  "fd_num": 19,
  "fd_perc": 9.047619047619047,
  "fwhm_avg": 1.9359396043055892,
  "fwhm_x": 1.9533266666666667,
  "fwhm_y": 2.1217133333333336,
  "fwhm_z": 1.7327788129167674,
  "gcor": 0.0831157,
  "gsr_x": -0.00780506432056427,
  "gsr_y": 0.012434621341526508,
  "provenance": {
    "md5sum": "07794a687312936f100af7fcae6df7c9",
    "settings": {
      "fd_thres": 0.2,
      "testing": false
    },
    "software": "mriqc",
    "version": "22.0.0rc1",
    "webapi_port": null,
    "webapi_url": "https://mriqc.nimh.nih.gov/api/v1"
  },
  "size_t": 210,
  "size_x": 80,
  "size_y": 80,
  "size_z": 36,
  "snr": 6.412734372588371,
  "spacing_tr": 2.0,
  "spacing_x": 3.0,
  "spacing_y": 3.0,
  "spacing_z": 3.299999952316284,
  "summary_bg_k": 70.11957207151603,
  "summary_bg_mad": 63.05849505663591,
  "summary_bg_mean": 719.4451904296875,
  "summary_bg_median": 57.04738998413086,
  "summary_bg_n": 154691.0,
  "summary_bg_p05": 4.471461296081543,
  "summary_bg_p95": 3929.4422607421875,
  "summary_bg_stdv": 2225.776611328125,
  "summary_fg_k": 1.9208409490286797,
  "summary_fg_mad": 4001.0192646967184,
  "summary_fg_mean": 27811.3359375,
  "summary_fg_median": 27442.287109375,
  "summary_fg_n": 34901.0,
  "summary_fg_p05": 21811.49609375,
  "summary_fg_p95": 34887.78125,
  "summary_fg_stdv": 4279.28125,
  "tsnr": 92.87203216552734
}