{
  "aor": 0.005606375000000001,
  "aqi": 0.0064872089375,
  "bids_meta": {
    "AcquisitionNumber": 3,
    "BidsifyVersion": "0.3.5",
    "ConversionSoftware": "dcm2niix",
    "ConversionSoftwareVersion": "v1.0.20181125  GCC6.3.0",
    "EchoTime": 0.02763,
    "EffectiveEchoSpacing": 0.0006909035636805814,
    "FlipAngle": 76.1,
    "ImageComments": "PIOP2",
    "ImageOrientationPatientDICOM": [
      0.999691,
      0.00277079,
      0.0246948,
      -0.00453649,
      0.997413,
      0.0717343
    ],
    "Manufacturer": "Philips",
    "NumberOfVolumesDiscardedByScanner": 2,
    "ParallelAcquisitionTechnique": "SENSE",
    "ParallelReductionFactorInPlane": 2,
    "PatientPosition": "HFS",
    "PhaseEncodingDirection": "j",
    "PhilipsRescaleIntercept": 0,
    "PhilipsRescaleSlope": 0.75311,
    "PhilipsScaleSlope": 0.0516203,
    "ProtocolName": "WIPtask-wm_boldSENSE",
    "PulseSequenceType": "gradient echo EPI",
    "ReconMatrixPE": 80,
    "RepetitionTime": 2,
    "SeriesDescription": "ImageMRSERIES",
    "SeriesNumber": 3,
    "SliceEncodingDirection": "k",
    "SliceTiming": [
      0.0,
      0.0556,
      0.1111,
      0.1667,
      0.2222,
      0.2778,
      0.3333,
      0.3889,
      0.4444,
      0.5,
      0.5556,
      0.6111,
      0.6667,
      0.7222,
      0.7778,
      0.8333,
      0.8889,
      0.9444,
      1.0,
      1.0556,
      1.1111,
      1.1667,
      1.2222,
      1.2778,
      1.3333,
      1.3889,
      1.4444,
      1.5,
      1.5556,
      1.6111,
      1.6667,
      1.7222,
      1.7778,
      1.8333,
      1.8889,
      1.9444
    ],
    "TaskName": "workingmemory",
    "TotalReadoutTime": 0.026945238983542674,
    "UsePhilipsFloatNotDisplayScaling": 1,
    "WaterFatShift": 12,
    "acq_id": "seq",
    "dataset": "ds002790",
    "modality": "bold",
    "subject_id": "0056",
    "task_id": "workingmemory"
  },
  "dummy_trs": 0,
  "dvars_nstd": 18.924710141823898,
  "dvars_std": 1.2530028686163526,
  "dvars_vstd": 1.039521404150944,
  "efc": 0.4321271618439574,
  "fber": 226351.125,
  "fd_mean": 0.14502841348339734,
  "fd_num": 25,
  "fd_perc": 15.625,
  "fwhm_avg": 1.9636862710974856,
  "fwhm_x": 1.9784333333333333,
  "fwhm_y": 2.153846666666667,
  "fwhm_z": 1.758778813292457,
  "gcor": 0.0995754,
  "gsr_x": -0.007708630990236998,
  "gsr_y": 0.012037358246743679,
  "provenance": {
    "md5sum": "2776cad5ad60d4d251482c139b9d9fe2",
    "settings": {
      "fd_thres": 0.2,
      "testing": false
    },
    "software": "mriqc",
    "version": "22.0.0rc1",
    "webapi_port": null,
    "webapi_url": "https://mriqc.nimh.nih.gov/api/v1"
  },
  "size_t": 160,
  "size_x": 80,
  "size_y": 80,
  "size_z": 36,
  "snr": 6.133683054822028,
  "spacing_tr": 2.0,
  "spacing_x": 3.0,
  "spacing_y": 3.0,
  "spacing_z": 3.299999952316284,
  "summary_bg_k": 74.38171239913136,
  "summary_bg_mad": 65.40561087812497,
  "summary_bg_mean": 722.4624633789062,
  "summary_bg_median": 59.07537078857422,
  "summary_bg_n": 154816.0,
  "summary_bg_p05": 4.437965750694275,
  "summary_bg_p95": 3865.2816162109375,
  "summary_bg_stdv": 2260.03759765625,
  "summary_fg_k": 2.0375197189311054,
  "summary_fg_mad": 4315.055842811394,
  "summary_fg_mean": 28868.57421875,
  "summary_fg_median": 28403.826171875,
  "summary_fg_n": 34797.0,
  "summary_fg_p05": 22457.248046875,
  "summary_fg_p95": 36598.124218749996,
  "summary_fg_stdv": 4630.72802734375,
  "tsnr": 78.23550415039062
}