{
  "aor": 0.0014837083333333332,
  "aqi": 0.004448436708333333,
  "bids_meta": {
    "AcquisitionNumber": 4,
    "BidsifyVersion": "0.3.5",
    "ConversionSoftware": "dcm2niix",
    "ConversionSoftwareVersion": "v1.0.20181125  GCC6.3.0",
    "EchoTime": 0.02763,
    "EffectiveEchoSpacing": 0.0006909035636805814,
    "FlipAngle": 76.1,
    "ImageComments": "PIOP2",
    "ImageOrientationPatientDICOM": [
      0.999691,
      0.00277079,
      0.0246948,
      -0.00453649,
      0.997413,
      0.0717343
    ],
    "Manufacturer": "Philips",
    "NumberOfVolumesDiscardedByScanner": 2,
    "ParallelAcquisitionTechnique": "SENSE",
    "ParallelReductionFactorInPlane": 2,
    "PatientPosition": "HFS",
    "PhaseEncodingDirection": "j",
    "PhilipsRescaleIntercept": 0,
    "PhilipsRescaleSlope": 0.75458,
    "PhilipsScaleSlope": 0.0508775,
    "ProtocolName": "WIPtask-rest_boldSENSE",
    "PulseSequenceType": "gradient echo EPI",
    "ReconMatrixPE": 80,
    "RepetitionTime": 2,
    "SeriesDescription": "ImageMRSERIES",
    "SeriesNumber": 4,
    "SliceEncodingDirection": "k",
    "SliceTiming": [
      0.0,
      0.0556,
      0.1111,
      0.1667,
      0.2222,
      0.2778,
      0.3333,
      0.3889,
      0.4444,
      0.5,
      0.5556,
      0.6111,
      0.6667,
      0.7222,
      0.7778,
      0.8333,
      0.8889,
      0.9444,
      1.0,
      1.0556,
      1.1111,
      1.1667,
      1.2222,
      1.2778,
      1.3333,
      1.3889,
      1.4444,
      1.5,
      1.5556,
      1.6111,
      1.6667,
      1.7222,
      1.7778,
      1.8333,
      1.8889,
      1.9444
    ],
    "TaskName": "restingstate",
    "TotalReadoutTime": 0.026945238983542674,
    "UsePhilipsFloatNotDisplayScaling": 1,
    "WaterFatShift": 12,
    "acq_id": "seq",
    "dataset": "ds002790",
    "modality": "bold",
    "subject_id": "0056",
    "task_id": "restingstate"
  },
  "dummy_trs": 0,
  "dvars_nstd": 18.579127272343086,
  "dvars_std": 1.24507631665272,
  "dvars_vstd": 1.0060723756903769,
  "efc": 0.4321217656377679,
  "fber": 230005.015625,
  "fd_mean": 0.13743669858816546,
  "fd_num": 36,
  "fd_perc": 15.0,
  "fwhm_avg": 1.9546084933474834,
  "fwhm_x": 1.96269,
  "fwhm_y": 2.13659,
  "fwhm_z": 1.7645454800424503,
  "gcor": 0.0904417,
  "gsr_x": -0.0076470403000712395,
  "gsr_y": 0.01152059342712164,
  "provenance": {
    "md5sum": "fda3d012fdb7029838676e63bf3c474e",
    "settings": {
      "fd_thres": 0.2,
      "testing": false
    },
    "software": "mriqc",
    "version": "22.0.0rc1",
    "webapi_port": null,
    "webapi_url": "https://mriqc.nimh.nih.gov/api/v1"
  },
  "size_t": 240,
  "size_x": 80,
  "size_y": 80,
  "size_z": 36,
  "snr": 6.131657533113521,
  "spacing_tr": 2.0,
  "spacing_x": 3.0,
  "spacing_y": 3.0,
  "spacing_z": 3.299999952316284,
  "summary_bg_k": 69.22551266827622,
  "summary_bg_mad": 62.89165183012227,
  "summary_bg_mean": 717.3536987304688,
  "summary_bg_median": 58.157859802246094,
  "summary_bg_n": 154862.0,
  "summary_bg_p05": 5.006572937965394,
  "summary_bg_p95": 3847.731555175759,
  "summary_bg_stdv": 2227.153564453125,
  "summary_fg_k": 2.2155239763837375,
  "summary_fg_mad": 4236.082661162578,
  "summary_fg_mean": 28647.23046875,
  "summary_fg_median": 28193.26171875,
  "summary_fg_n": 34690.0,
  "summary_fg_p05": 22369.05751953125,
  "summary_fg_p95": 36268.27031249999,
  "summary_fg_stdv": 4597.91748046875,
  "tsnr": 91.10018157958984
}