{
  "aor": 0.003999333333333334,
  "aqi": 0.005670998962962963,
  "bids_meta": {
    "AcquisitionNumber": 8,
    "BidsifyVersion": "0.3.5",
    "ConversionSoftware": "dcm2niix",
    "ConversionSoftwareVersion": "v1.0.20181125  GCC6.3.0",
    "EchoTime": 0.02763,
    "EffectiveEchoSpacing": 0.0006909035636805814,
    "FlipAngle": 76.1,
    "ImageComments": "PIOP2",
    "ImageOrientationPatientDICOM": [
      0.999691,
      0.00277079,
      0.0246948,
      -0.00453649,
      0.997413,
      0.0717343
    ],
    "Manufacturer": "Philips",
    "NumberOfVolumesDiscardedByScanner": 2,
    "ParallelAcquisitionTechnique": "SENSE",
    "ParallelReductionFactorInPlane": 2,
    "PatientPosition": "HFS",
    "PhaseEncodingDirection": "j",
    "PhilipsRescaleIntercept": 0,
    "PhilipsRescaleSlope": 0.76703,
    "PhilipsScaleSlope": 0.0524323,
    "ProtocolName": "WIPtask-harriri_boldSENSE",
    "PulseSequenceType": "gradient echo EPI",
    "ReconMatrixPE": 80,
    "RepetitionTime": 2,
    "SeriesDescription": "ImageMRSERIES",
    "SeriesNumber": 8,
    "SliceEncodingDirection": "k",
    "SliceTiming": [
      0.0,
      0.0556,
      0.1111,
      0.1667,
      0.2222,
      0.2778,
      0.3333,
      0.3889,
      0.4444,
      0.5,
      0.5556,
      0.6111,
      0.6667,
      0.7222,
      0.7778,
      0.8333,
      0.8889,
      0.9444,
      1.0,
      1.0556,
      1.1111,
      1.1667,
      1.2222,
      1.2778,
      1.3333,
      1.3889,
      1.4444,
      1.5,
      1.5556,
      1.6111,
      1.6667,
      1.7222,
      1.7778,
      1.8333,
      1.8889,
      1.9444
    ],
    "TaskName": "emomatching",
    "TotalReadoutTime": 0.026945238983542674,
    "UsePhilipsFloatNotDisplayScaling": 1,
    "WaterFatShift": 12,
    "acq_id": "seq",
    "dataset": "ds002790",
    "modality": "bold",
    "subject_id": "0056",
    "task_id": "emomatching"
  },
  "dummy_trs": 0,
  "dvars_nstd": 18.83391047970149,
  "dvars_std": 1.268252659402985,
  "dvars_vstd": 1.0351343867164178,
  "efc": 0.4330746285505562,
  "fber": 232484.09375,
  "fd_mean": 0.13102124654040406,
  "fd_num": 18,
  "fd_perc": 13.333333333333334,
  "fwhm_avg": 1.9549456650398571,
  "fwhm_x": 1.9663233333333334,
  "fwhm_y": 2.1391166666666668,
  "fwhm_z": 1.7593969951195716,
  "gcor": 0.114601,
  "gsr_x": -0.008015639148652554,
  "gsr_y": 0.01219503115862608,
  "provenance": {
    "md5sum": "81439e705c5c6b95ea249ab3eb09bba5",
    "settings": {
      "fd_thres": 0.2,
      "testing": false
    },
    "software": "mriqc",
    "version": "22.0.0rc1",
    "webapi_port": null,
    "webapi_url": "https://mriqc.nimh.nih.gov/api/v1"
  },
  "size_t": 135,
  "size_x": 80,
  "size_y": 80,
  "size_z": 36,
  "snr": 6.132552226826471,
  "spacing_tr": 2.0,
  "spacing_x": 3.0,
  "spacing_y": 3.0,
  "spacing_z": 3.299999952316284,
  "summary_bg_k": 72.69354234412486,
  "summary_bg_mad": 61.93516699519459,
  "summary_bg_mean": 729.54638671875,
  "summary_bg_median": 57.17994689941406,
  "summary_bg_n": 154852.0,
  "summary_bg_p05": 4.9158793687820435,
  "summary_bg_p95": 3978.5027709960914,
  "summary_bg_stdv": 2261.84619140625,
  "summary_fg_k": 2.221914198915883,
  "summary_fg_mad": 4190.607023388122,
  "summary_fg_mean": 28342.404296875,
  "summary_fg_median": 27894.53125,
  "summary_fg_n": 34708.0,
  "summary_fg_p05": 22093.1796875,
  "summary_fg_p95": 35887.29921875,
  "summary_fg_stdv": 4548.53515625,
  "tsnr": 83.51920318603516
}