{
  "aor": 0.0020001666666666666,
  "aqi": 0.002683004541666667,
  "bids_meta": {
    "AcquisitionNumber": 4,
    "BidsifyVersion": "0.3.5",
    "ConversionSoftware": "dcm2niix",
    "ConversionSoftwareVersion": "v1.0.20181125  GCC6.3.0",
    "EchoTime": 0.02763,
    "EffectiveEchoSpacing": 0.0006909035636805814,
    "FlipAngle": 76.1,
    "ImageComments": "PIOP2",
    "ImageOrientationPatientDICOM": [
      0.999968,
      0.007256,
      0.00324449,
      -0.00785389,
      0.96476,
      0.263014
    ],
    "Manufacturer": "Philips",
    "NumberOfVolumesDiscardedByScanner": 2,
    "ParallelAcquisitionTechnique": "SENSE",
    "ParallelReductionFactorInPlane": 2,
    "PatientPosition": "HFS",
    "PhaseEncodingDirection": "j",
    "PhilipsRescaleIntercept": 0,
    "PhilipsRescaleSlope": 0.76777,
    "PhilipsScaleSlope": 0.0518176,
    "ProtocolName": "WIPtask-rest_boldSENSE",
    "PulseSequenceType": "gradient echo EPI",
    "ReconMatrixPE": 80,
    "RepetitionTime": 2,
    "SeriesDescription": "ImageMRSERIES",
    "SeriesNumber": 4,
    "SliceEncodingDirection": "k",
    "SliceTiming": [
      0.0,
      0.0556,
      0.1111,
      0.1667,
      0.2222,
      0.2778,
      0.3333,
      0.3889,
      0.4444,
      0.5,
      0.5556,
      0.6111,
      0.6667,
      0.7222,
      0.7778,
      0.8333,
      0.8889,
      0.9444,
      1.0,
      1.0556,
      1.1111,
      1.1667,
      1.2222,
      1.2778,
      1.3333,
      1.3889,
      1.4444,
      1.5,
      1.5556,
      1.6111,
      1.6667,
      1.7222,
      1.7778,
      1.8333,
      1.8889,
      1.9444
    ],
    "TaskName": "restingstate",
    "TotalReadoutTime": 0.026945238983542674,
    "UsePhilipsFloatNotDisplayScaling": 1,
    "WaterFatShift": 12,
    "acq_id": "seq",
    "dataset": "ds002790",
    "modality": "bold",
    "subject_id": "0020",
    "task_id": "restingstate"
  },
  "dummy_trs": 0,
  "dvars_nstd": 19.855617523347266,
  "dvars_std": 1.3573386560251044,
  "dvars_vstd": 1.0126781352719667,
  "efc": 0.4152425562542865,
  "fber": 244290.40625,
  "fd_mean": 0.09870879501278215,
  "fd_num": 8,
  "fd_perc": 3.3333333333333335,
  "fwhm_avg": 2.1590259695141145,
  "fwhm_x": 2.04757,
  "fwhm_y": 2.37032,
  "fwhm_z": 2.059187908542343,
  "gcor": 0.0320544,
  "gsr_x": -0.021206365898251534,
  "gsr_y": 0.015787273645401,
  "provenance": {
    "md5sum": "19eb2b85d9a3890061b478c59dd24bae",
    "settings": {
      "fd_thres": 0.2,
      "testing": false
    },
    "software": "mriqc",
    "version": "22.0.0rc1",
    "webapi_port": null,
    "webapi_url": "https://mriqc.nimh.nih.gov/api/v1"
  },
  "size_t": 240,
  "size_x": 80,
  "size_y": 80,
  "size_z": 36,
  "snr": 5.485116436909974,
  "spacing_tr": 2.0,
  "spacing_x": 3.0,
  "spacing_y": 3.0,
  "spacing_z": 3.299999952316284,
  "summary_bg_k": 70.5564429160935,
  "summary_bg_mad": 55.426527193827695,
  "summary_bg_mean": 375.78094482421875,
  "summary_bg_median": 52.79121017456055,
  "summary_bg_n": 155013.0,
  "summary_bg_p05": 3.712095737457276,
  "summary_bg_p95": 1660.404638671873,
  "summary_bg_stdv": 1107.9013671875,
  "summary_fg_k": 2.353143152671467,
  "summary_fg_mad": 4379.963125482885,
  "summary_fg_mean": 27558.931640625,
  "summary_fg_median": 27004.75,
  "summary_fg_n": 35455.0,
  "summary_fg_p05": 20713.1369140625,
  "summary_fg_p95": 35999.59765625,
  "summary_fg_stdv": 4923.2080078125,
  "tsnr": 108.06793975830078
}