{
  "bids_meta": {
    "AcquisitionNumber": 3,
    "BidsifyVersion": "0.3.5",
    "ConversionSoftware": "dcm2niix",
    "ConversionSoftwareVersion": "v1.0.20181125  GCC6.3.0",
    "EchoTime": 0.00385,
    "ImageComments": "PIOP2",
    "ImageOrientationPatientDICOM": [
      0.996629,
      0.080905,
      0.0136336,
      -0.0772113,
      0.981062,
      -0.177638
    ],
    "Manufacturer": "Philips",
    "NumberSignalAcquisitions": 2,
    "PatientPosition": "HFS",
    "PhilipsRescaleIntercept": 0,
    "PhilipsRescaleSlope": 8.15434,
    "PhilipsScaleSlope": 0.00758119,
    "ProtocolName": "WIPT1anat_acq-6m_T1wSENSE",
    "ReconMatrixPE": 240,
    "RepetitionTime": 0.008343,
    "SeriesDescription": "ImageMRSERIES",
    "SeriesNumber": 3,
    "UsePhilipsFloatNotDisplayScaling": 1,
    "dataset": "ds002790",
    "modality": "T1w",
    "subject_id": "0002"
  },
  "cjv": 0.26060039616207414,
  "cnr": 4.814447929546507,
  "efc": 0.7554976600734215,
  "fber": 958.8040771484375,
  "fwhm_avg": 4.823812956892694,
  "fwhm_x": 4.441519470529619,
  "fwhm_y": 4.998,
  "fwhm_z": 5.031919400148464,
  "icvs_csf": 0.28089788035398117,
  "icvs_gm": 0.3796693103717203,
  "icvs_wm": 0.33943280927429853,
  "inu_med": 1.5149474143981934,
  "inu_range": 0.2810379028320311,
  "provenance": {
    "md5sum": "6bd66b3bc06032329fbf84850136289c",
    "settings": {
      "testing": false
    },
    "software": "mriqc",
    "version": "22.0.0rc1",
    "warnings": {
      "large_rot_frame": true,
      "small_air_mask": true
    },
    "webapi_port": null,
    "webapi_url": "https://mriqc.nimh.nih.gov/api/v1"
  },
  "qi_1": 0.0,
  "qi_2": 5.9286290720221356e-05,
  "rpve_csf": 25.01804397783982,
  "rpve_gm": 16.90430769563712,
  "rpve_wm": 24.746315735753655,
  "size_x": 240,
  "size_y": 240,
  "size_z": 220,
  "snr_csf": 3.8891320055942264,
  "snr_gm": 11.264495869130347,
  "snr_total": 13.924639737299273,
  "snr_wm": 26.620291337173242,
  "snrd_csf": 30.374377974927267,
  "snrd_gm": 59.69644582714586,
  "snrd_total": 60.0863413902764,
  "snrd_wm": 90.18820036875609,
  "spacing_x": 1.0000001192092896,
  "spacing_y": 1.0,
  "spacing_z": 1.0000001192092896,
  "summary_bg_k": 114.91380820420291,
  "summary_bg_mad": 7.264047587039941,
  "summary_bg_mean": 9.263771057128906,
  "summary_bg_median": 9.962703704833984,
  "summary_bg_n": 203419.0,
  "summary_bg_p05": 0.0,
  "summary_bg_p95": 20.694691467285146,
  "summary_bg_stdv": 8.223981857299805,
  "summary_csf_k": 0.06475561933981178,
  "summary_csf_mad": 80.75956167783984,
  "summary_csf_mean": 322.492919921875,
  "summary_csf_median": 336.7862548828125,
  "summary_csf_n": 22491.0,
  "summary_csf_p05": 151.67808532714844,
  "summary_csf_p95": 441.36427307128906,
  "summary_csf_stdv": 86.59484100341797,
  "summary_gm_k": 0.48750881758712383,
  "summary_gm_mad": 54.881438543248805,
  "summary_gm_mean": 666.12353515625,
  "summary_gm_median": 661.9046630859375,
  "summary_gm_n": 19568.0,
  "summary_gm_p05": 576.9876129150391,
  "summary_gm_p95": 769.1398529052734,
  "summary_gm_stdv": 58.75875473022461,
  "summary_wm_k": 1.1141195967083508,
  "summary_wm_mad": 33.22435197386849,
  "summary_wm_mean": 998.9093627929688,
  "summary_wm_median": 999.9923706054688,
  "summary_wm_n": 173045.0,
  "summary_wm_p05": 934.981103515625,
  "summary_wm_p95": 1057.8017578125,
  "summary_wm_stdv": 37.56493377685547,
  "tpm_overlap_csf": 0.16519874334335327,
  "tpm_overlap_gm": 0.44755950570106506,
  "tpm_overlap_wm": 0.5260571241378784,
  "wm2max": 0.7931709971968995
}