{
  "aor": 0.008415601851851853,
  "aqi": 0.007751846203703704,
  "bids_meta": {
    "AcquisitionNumber": 7,
    "BidsifyVersion": "0.3.5",
    "ConversionSoftware": "dcm2niix",
    "ConversionSoftwareVersion": "v1.0.20181125  GCC6.3.0",
    "EchoTime": 0.02763,
    "EffectiveEchoSpacing": 0.0006909035636805814,
    "FlipAngle": 76.1,
    "ImageComments": "PIOP2",
    "ImageOrientationPatientDICOM": [
      0.998907,
      -0.0238429,
      0.0402016,
      0.0233661,
      0.999651,
      0.0122879
    ],
    "Manufacturer": "Philips",
    "NumberOfVolumesDiscardedByScanner": 2,
    "ParallelAcquisitionTechnique": "SENSE",
    "ParallelReductionFactorInPlane": 2,
    "PatientPosition": "HFS",
    "PhaseEncodingDirection": "j",
    "PhilipsRescaleIntercept": 0,
    "PhilipsRescaleSlope": 0.74799,
    "PhilipsScaleSlope": 0.0509634,
    "ProtocolName": "WIPtask-stop_boldSENSE",
    "PulseSequenceType": "gradient echo EPI",
    "ReconMatrixPE": 80,
    "RepetitionTime": 2,
    "SeriesDescription": "ImageMRSERIES",
    "SeriesNumber": 7,
    "SliceEncodingDirection": "k",
    "SliceTiming": [
      0.0,
      0.0556,
      0.1111,
      0.1667,
      0.2222,
      0.2778,
      0.3333,
      0.3889,
      0.4444,
      0.5,
      0.5556,
      0.6111,
      0.6667,
      0.7222,
      0.7778,
      0.8333,
      0.8889,
      0.9444,
      1.0,
      1.0556,
      1.1111,
      1.1667,
      1.2222,
      1.2778,
      1.3333,
      1.3889,
      1.4444,
      1.5,
      1.5556,
      1.6111,
      1.6667,
      1.7222,
      1.7778,
      1.8333,
      1.8889,
      1.9444
    ],
    "TaskName": "stopsignal",
    "TotalReadoutTime": 0.026945238983542674,
    "UsePhilipsFloatNotDisplayScaling": 1,
    "WaterFatShift": 12,
    "acq_id": "seq",
    "dataset": "ds002790",
    "modality": "bold",
    "subject_id": "0044",
    "task_id": "stopsignal"
  },
  "dummy_trs": 0,
  "dvars_nstd": 24.498608895395353,
  "dvars_std": 1.2783586739069772,
  "dvars_vstd": 1.037903746372093,
  "efc": 0.4229609023790435,
  "fber": 171502.890625,
  "fd_mean": 0.20008830805903072,
  "fd_num": 67,
  "fd_perc": 31.01851851851852,
  "fwhm_avg": 2.2207660703299332,
  "fwhm_x": 2.1597566666666665,
  "fwhm_y": 2.4836899999999997,
  "fwhm_z": 2.0188515443231343,
  "gcor": 0.0332283,
  "gsr_x": -0.015541472472250462,
  "gsr_y": 0.015565580688416958,
  "provenance": {
    "md5sum": "80f0d5793a23e248b1a9e945a5603a77",
    "settings": {
      "fd_thres": 0.2,
      "testing": false
    },
    "software": "mriqc",
    "version": "22.0.0rc1",
    "webapi_port": null,
    "webapi_url": "https://mriqc.nimh.nih.gov/api/v1"
  },
  "size_t": 216,
  "size_x": 80,
  "size_y": 80,
  "size_z": 36,
  "snr": 5.407548725202699,
  "spacing_tr": 2.0,
  "spacing_x": 3.0,
  "spacing_y": 3.0,
  "spacing_z": 3.299999952316284,
  "summary_bg_k": 89.6603080209911,
  "summary_bg_mad": 68.37943103456755,
  "summary_bg_mean": 607.3858032226562,
  "summary_bg_median": 60.91417694091797,
  "summary_bg_n": 156101.0,
  "summary_bg_p05": 6.905412673950195,
  "summary_bg_p95": 2725.12060546875,
  "summary_bg_stdv": 1814.8673095703125,
  "summary_fg_k": 2.3355738257640724,
  "summary_fg_mad": 4320.971773148126,
  "summary_fg_mean": 26266.62109375,
  "summary_fg_median": 25959.326171875,
  "summary_fg_n": 33183.0,
  "summary_fg_p05": 19214.3935546875,
  "summary_fg_p95": 33874.10312499999,
  "summary_fg_stdv": 4800.49951171875,
  "tsnr": 64.13748931884766
}