{
  "aor": 0.00215775,
  "aqi": 0.010283156625000001,
  "bids_meta": {
    "AcquisitionNumber": 4,
    "BidsifyVersion": "0.3.5",
    "ConversionSoftware": "dcm2niix",
    "ConversionSoftwareVersion": "v1.0.20181125  GCC6.3.0",
    "EchoTime": 0.02763,
    "EffectiveEchoSpacing": 0.0006909035636805814,
    "FlipAngle": 76.1,
    "ImageComments": "PIOP2",
    "ImageOrientationPatientDICOM": [
      0.998907,
      -0.0238429,
      0.0402016,
      0.0233661,
      0.999651,
      0.0122879
    ],
    "Manufacturer": "Philips",
    "NumberOfVolumesDiscardedByScanner": 2,
    "ParallelAcquisitionTechnique": "SENSE",
    "ParallelReductionFactorInPlane": 2,
    "PatientPosition": "HFS",
    "PhaseEncodingDirection": "j",
    "PhilipsRescaleIntercept": 0,
    "PhilipsRescaleSlope": 0.76947,
    "PhilipsScaleSlope": 0.0496062,
    "ProtocolName": "WIPtask-rest_boldSENSE",
    "PulseSequenceType": "gradient echo EPI",
    "ReconMatrixPE": 80,
    "RepetitionTime": 2,
    "SeriesDescription": "ImageMRSERIES",
    "SeriesNumber": 4,
    "SliceEncodingDirection": "k",
    "SliceTiming": [
      0.0,
      0.0556,
      0.1111,
      0.1667,
      0.2222,
      0.2778,
      0.3333,
      0.3889,
      0.4444,
      0.5,
      0.5556,
      0.6111,
      0.6667,
      0.7222,
      0.7778,
      0.8333,
      0.8889,
      0.9444,
      1.0,
      1.0556,
      1.1111,
      1.1667,
      1.2222,
      1.2778,
      1.3333,
      1.3889,
      1.4444,
      1.5,
      1.5556,
      1.6111,
      1.6667,
      1.7222,
      1.7778,
      1.8333,
      1.8889,
      1.9444
    ],
    "TaskName": "restingstate",
    "TotalReadoutTime": 0.026945238983542674,
    "UsePhilipsFloatNotDisplayScaling": 1,
    "WaterFatShift": 12,
    "acq_id": "seq",
    "dataset": "ds002790",
    "modality": "bold",
    "subject_id": "0044",
    "task_id": "restingstate"
  },
  "dummy_trs": 0,
  "dvars_nstd": 20.46882790623432,
  "dvars_std": 1.1350214526778237,
  "dvars_vstd": 0.9359038775313813,
  "efc": 0.4220356795758212,
  "fber": 187120.5,
  "fd_mean": 0.13491268613186957,
  "fd_num": 28,
  "fd_perc": 11.666666666666666,
  "fwhm_avg": 2.22444374713391,
  "fwhm_x": 2.1522566666666667,
  "fwhm_y": 2.494686666666667,
  "fwhm_z": 2.0263879080683953,
  "gcor": 0.0220721,
  "gsr_x": -0.015222746878862381,
  "gsr_y": 0.015497330576181412,
  "provenance": {
    "md5sum": "12495b7e3631512582d5000be2aa8356",
    "settings": {
      "fd_thres": 0.2,
      "testing": false
    },
    "software": "mriqc",
    "version": "22.0.0rc1",
    "webapi_port": null,
    "webapi_url": "https://mriqc.nimh.nih.gov/api/v1"
  },
  "size_t": 240,
  "size_x": 80,
  "size_y": 80,
  "size_z": 36,
  "snr": 5.37584329205825,
  "spacing_tr": 2.0,
  "spacing_x": 3.0,
  "spacing_y": 3.0,
  "spacing_z": 3.299999952316284,
  "summary_bg_k": 95.88266540027092,
  "summary_bg_mad": 64.79729810311298,
  "summary_bg_mean": 593.6151123046875,
  "summary_bg_median": 58.28360366821289,
  "summary_bg_n": 156136.0,
  "summary_bg_p05": 7.3781715631484985,
  "summary_bg_p95": 2681.724365234375,
  "summary_bg_stdv": 1780.895263671875,
  "summary_fg_k": 2.6904098199796564,
  "summary_fg_mad": 4256.889767102171,
  "summary_fg_mean": 26098.30859375,
  "summary_fg_median": 25785.599609375,
  "summary_fg_n": 33207.0,
  "summary_fg_p05": 19139.2501953125,
  "summary_fg_p95": 33615.28124999999,
  "summary_fg_stdv": 4796.49609375,
  "tsnr": 58.278656005859375
}