{
  "aor": 0.002765829596412556,
  "aqi": 0.0033196922869955163,
  "bids_meta": {
    "AcquisitionNumber": 7,
    "BidsifyVersion": "0.3.5",
    "ConversionSoftware": "dcm2niix",
    "ConversionSoftwareVersion": "v1.0.20181125  GCC6.3.0",
    "EchoTime": 0.02763,
    "EffectiveEchoSpacing": 0.0006909035636805814,
    "FlipAngle": 76.1,
    "ImageComments": "PIOP2",
    "ImageOrientationPatientDICOM": [
      0.998185,
      0.0297307,
      -0.0523816,
      -0.0407892,
      0.973574,
      -0.2247
    ],
    "Manufacturer": "Philips",
    "NumberOfVolumesDiscardedByScanner": 2,
    "ParallelAcquisitionTechnique": "SENSE",
    "ParallelReductionFactorInPlane": 2,
    "PatientPosition": "HFS",
    "PhaseEncodingDirection": "j",
    "PhilipsRescaleIntercept": 0,
    "PhilipsRescaleSlope": 0.78144,
    "PhilipsScaleSlope": 0.0611689,
    "ProtocolName": "WIPtask-stop_boldSENSE",
    "PulseSequenceType": "gradient echo EPI",
    "ReconMatrixPE": 80,
    "RepetitionTime": 2,
    "SeriesDescription": "ImageMRSERIES",
    "SeriesNumber": 7,
    "SliceEncodingDirection": "k",
    "SliceTiming": [
      0.0,
      0.0556,
      0.1111,
      0.1667,
      0.2222,
      0.2778,
      0.3333,
      0.3889,
      0.4444,
      0.5,
      0.5556,
      0.6111,
      0.6667,
      0.7222,
      0.7778,
      0.8333,
      0.8889,
      0.9444,
      1.0,
      1.0556,
      1.1111,
      1.1667,
      1.2222,
      1.2778,
      1.3333,
      1.3889,
      1.4444,
      1.5,
      1.5556,
      1.6111,
      1.6667,
      1.7222,
      1.7778,
      1.8333,
      1.8889,
      1.9444
    ],
    "TaskName": "stopsignal",
    "TotalReadoutTime": 0.026945238983542674,
    "UsePhilipsFloatNotDisplayScaling": 1,
    "WaterFatShift": 12,
    "acq_id": "seq",
    "dataset": "ds002790",
    "modality": "bold",
    "subject_id": "0009",
    "task_id": "stopsignal"
  },
  "dummy_trs": 0,
  "dvars_nstd": 18.762539958153162,
  "dvars_std": 1.3165027763063064,
  "dvars_vstd": 1.0245088609459465,
  "efc": 0.384120575538819,
  "fber": 217595.125,
  "fd_mean": 0.10433772474574748,
  "fd_num": 8,
  "fd_perc": 3.587443946188341,
  "fwhm_avg": 1.8501982911938921,
  "fwhm_x": 1.8157833333333333,
  "fwhm_y": 1.99796,
  "fwhm_z": 1.736851540248344,
  "gcor": 0.0234717,
  "gsr_x": -0.024181082844734192,
  "gsr_y": 0.010943109169602394,
  "provenance": {
    "md5sum": "4fef54d5048548082928e4c22744064f",
    "settings": {
      "fd_thres": 0.2,
      "testing": false
    },
    "software": "mriqc",
    "version": "22.0.0rc1",
    "webapi_port": null,
    "webapi_url": "https://mriqc.nimh.nih.gov/api/v1"
  },
  "size_t": 223,
  "size_x": 80,
  "size_y": 80,
  "size_z": 36,
  "snr": 6.110197477212698,
  "spacing_tr": 2.0,
  "spacing_x": 3.0,
  "spacing_y": 3.0,
  "spacing_z": 3.299999952316284,
  "summary_bg_k": 59.19237159986303,
  "summary_bg_mad": 56.524215236204704,
  "summary_bg_mean": 465.848388671875,
  "summary_bg_median": 55.896697998046875,
  "summary_bg_n": 162987.0,
  "summary_bg_p05": 7.854263067245483,
  "summary_bg_p95": 2026.6582275390613,
  "summary_bg_stdv": 1370.6220703125,
  "summary_fg_k": 1.841526480542564,
  "summary_fg_mad": 4227.326041809529,
  "summary_fg_mean": 27066.44140625,
  "summary_fg_median": 26692.69921875,
  "summary_fg_n": 27602.0,
  "summary_fg_p05": 20936.8333984375,
  "summary_fg_p95": 34067.1900390625,
  "summary_fg_stdv": 4368.47021484375,
  "tsnr": 99.94125366210938
}