{
  "aor": 0.002038625,
  "aqi": 0.0027232604375,
  "bids_meta": {
    "AcquisitionNumber": 3,
    "BidsifyVersion": "0.3.5",
    "ConversionSoftware": "dcm2niix",
    "ConversionSoftwareVersion": "v1.0.20181125  GCC6.3.0",
    "EchoTime": 0.02763,
    "EffectiveEchoSpacing": 0.0006909035636805814,
    "FlipAngle": 76.1,
    "ImageComments": "PIOP2",
    "ImageOrientationPatientDICOM": [
      0.998185,
      0.0297307,
      -0.0523816,
      -0.0407892,
      0.973574,
      -0.2247
    ],
    "Manufacturer": "Philips",
    "NumberOfVolumesDiscardedByScanner": 2,
    "ParallelAcquisitionTechnique": "SENSE",
    "ParallelReductionFactorInPlane": 2,
    "PatientPosition": "HFS",
    "PhaseEncodingDirection": "j",
    "PhilipsRescaleIntercept": 0,
    "PhilipsRescaleSlope": 0.97289,
    "PhilipsScaleSlope": 0.0496923,
    "ProtocolName": "WIPtask-wm_boldSENSE",
    "PulseSequenceType": "gradient echo EPI",
    "ReconMatrixPE": 80,
    "RepetitionTime": 2,
    "SeriesDescription": "ImageMRSERIES",
    "SeriesNumber": 3,
    "SliceEncodingDirection": "k",
    "SliceTiming": [
      0.0,
      0.0556,
      0.1111,
      0.1667,
      0.2222,
      0.2778,
      0.3333,
      0.3889,
      0.4444,
      0.5,
      0.5556,
      0.6111,
      0.6667,
      0.7222,
      0.7778,
      0.8333,
      0.8889,
      0.9444,
      1.0,
      1.0556,
      1.1111,
      1.1667,
      1.2222,
      1.2778,
      1.3333,
      1.3889,
      1.4444,
      1.5,
      1.5556,
      1.6111,
      1.6667,
      1.7222,
      1.7778,
      1.8333,
      1.8889,
      1.9444
    ],
    "TaskName": "workingmemory",
    "TotalReadoutTime": 0.026945238983542674,
    "UsePhilipsFloatNotDisplayScaling": 1,
    "WaterFatShift": 12,
    "acq_id": "seq",
    "dataset": "ds002790",
    "modality": "bold",
    "subject_id": "0009",
    "task_id": "workingmemory"
  },
  "dummy_trs": 0,
  "dvars_nstd": 18.68039532421383,
  "dvars_std": 1.2924624730817607,
  "dvars_vstd": 1.001749915597484,
  "efc": 0.38377530072751903,
  "fber": 245605.28125,
  "fd_mean": 0.09995736179750792,
  "fd_num": 4,
  "fd_perc": 2.5,
  "fwhm_avg": 1.867154553913333,
  "fwhm_x": 1.81572,
  "fwhm_y": 2.0295466666666666,
  "fwhm_z": 1.7561969950733327,
  "gcor": 0.0502824,
  "gsr_x": -0.024240821599960327,
  "gsr_y": 0.01022929884493351,
  "provenance": {
    "md5sum": "1036f18f299077012de57ffc17aa684f",
    "settings": {
      "fd_thres": 0.2,
      "testing": false
    },
    "software": "mriqc",
    "version": "22.0.0rc1",
    "webapi_port": null,
    "webapi_url": "https://mriqc.nimh.nih.gov/api/v1"
  },
  "size_t": 160,
  "size_x": 80,
  "size_y": 80,
  "size_z": 36,
  "snr": 5.86190391682113,
  "spacing_tr": 2.0,
  "spacing_x": 3.0,
  "spacing_y": 3.0,
  "spacing_z": 3.299999952316284,
  "summary_bg_k": 59.52908496583974,
  "summary_bg_mad": 53.89286833649931,
  "summary_bg_mean": 472.8440246582031,
  "summary_bg_median": 53.85654830932617,
  "summary_bg_n": 162925.0,
  "summary_bg_p05": 6.838869667053222,
  "summary_bg_p95": 2056.58818359375,
  "summary_bg_stdv": 1410.6614990234375,
  "summary_fg_k": 2.0337399270931993,
  "summary_fg_mad": 4501.1021512816405,
  "summary_fg_mean": 27709.060546875,
  "summary_fg_median": 27282.171875,
  "summary_fg_n": 27657.0,
  "summary_fg_p05": 21190.728125,
  "summary_fg_p95": 35176.35937499999,
  "summary_fg_stdv": 4654.064453125,
  "tsnr": 102.0684585571289
}