{
  "aor": 0.0016225,
  "aqi": 0.008307858750000001,
  "bids_meta": {
    "AcquisitionNumber": 4,
    "BidsifyVersion": "0.3.5",
    "ConversionSoftware": "dcm2niix",
    "ConversionSoftwareVersion": "v1.0.20181125  GCC6.3.0",
    "EchoTime": 0.02763,
    "EffectiveEchoSpacing": 0.0006909035636805814,
    "FlipAngle": 76.1,
    "ImageComments": "PIOP2",
    "ImageOrientationPatientDICOM": [
      0.999544,
      -0.0294724,
      0.00650504,
      0.029142,
      0.998512,
      0.0460952
    ],
    "Manufacturer": "Philips",
    "NumberOfVolumesDiscardedByScanner": 2,
    "ParallelAcquisitionTechnique": "SENSE",
    "ParallelReductionFactorInPlane": 2,
    "PatientPosition": "HFS",
    "PhaseEncodingDirection": "j",
    "PhilipsRescaleIntercept": 0,
    "PhilipsRescaleSlope": 0.79731,
    "PhilipsScaleSlope": 0.0513048,
    "ProtocolName": "WIPtask-rest_boldSENSE",
    "PulseSequenceType": "gradient echo EPI",
    "ReconMatrixPE": 80,
    "RepetitionTime": 2,
    "SeriesDescription": "ImageMRSERIES",
    "SeriesNumber": 4,
    "SliceEncodingDirection": "k",
    "SliceTiming": [
      0.0,
      0.0556,
      0.1111,
      0.1667,
      0.2222,
      0.2778,
      0.3333,
      0.3889,
      0.4444,
      0.5,
      0.5556,
      0.6111,
      0.6667,
      0.7222,
      0.7778,
      0.8333,
      0.8889,
      0.9444,
      1.0,
      1.0556,
      1.1111,
      1.1667,
      1.2222,
      1.2778,
      1.3333,
      1.3889,
      1.4444,
      1.5,
      1.5556,
      1.6111,
      1.6667,
      1.7222,
      1.7778,
      1.8333,
      1.8889,
      1.9444
    ],
    "TaskName": "restingstate",
    "TotalReadoutTime": 0.026945238983542674,
    "UsePhilipsFloatNotDisplayScaling": 1,
    "WaterFatShift": 12,
    "acq_id": "seq",
    "dataset": "ds002790",
    "modality": "bold",
    "subject_id": "0122",
    "task_id": "restingstate"
  },
  "dummy_trs": 0,
  "dvars_nstd": 20.308268974435144,
  "dvars_std": 1.1850692760251047,
  "dvars_vstd": 0.9673045082845185,
  "efc": 0.4888434309009997,
  "fber": 148022.609375,
  "fd_mean": 0.1380713064810438,
  "fd_num": 28,
  "fd_perc": 11.666666666666666,
  "fwhm_avg": 1.9169965769552044,
  "fwhm_x": 1.88565,
  "fwhm_y": 2.109573165679521,
  "fwhm_z": 1.7557665651860923,
  "gcor": 0.0335718,
  "gsr_x": -0.003929647151380777,
  "gsr_y": 0.01601649448275566,
  "provenance": {
    "md5sum": "339792ab895dda220c23032f2f44711f",
    "settings": {
      "fd_thres": 0.2,
      "testing": false
    },
    "software": "mriqc",
    "version": "22.0.0rc1",
    "webapi_port": null,
    "webapi_url": "https://mriqc.nimh.nih.gov/api/v1"
  },
  "size_t": 240,
  "size_x": 80,
  "size_y": 80,
  "size_z": 36,
  "snr": 5.46757658156372,
  "spacing_tr": 2.0,
  "spacing_x": 3.0,
  "spacing_y": 3.000000238418579,
  "spacing_z": 3.3000001907348633,
  "summary_bg_k": 33.524263203562796,
  "summary_bg_mad": 78.74265548094093,
  "summary_bg_mean": 836.6461181640625,
  "summary_bg_median": 65.50755310058594,
  "summary_bg_n": 143020.0,
  "summary_bg_p05": 5.786536526679993,
  "summary_bg_p95": 4234.369897460935,
  "summary_bg_stdv": 2081.085205078125,
  "summary_fg_k": 2.5516138539785125,
  "summary_fg_mad": 4013.786438879123,
  "summary_fg_mean": 26184.32421875,
  "summary_fg_median": 25513.0546875,
  "summary_fg_n": 45590.0,
  "summary_fg_p05": 20062.00009765625,
  "summary_fg_p95": 34256.734960937494,
  "summary_fg_stdv": 4666.1943359375,
  "tsnr": 71.95503234863281
}