{
  "aor": 0.008222995391705068,
  "aqi": 0.0069579369124423964,
  "bids_meta": {
    "AcquisitionNumber": 7,
    "BidsifyVersion": "0.3.5",
    "ConversionSoftware": "dcm2niix",
    "ConversionSoftwareVersion": "v1.0.20181125  GCC6.3.0",
    "EchoTime": 0.02763,
    "EffectiveEchoSpacing": 0.0006909035636805814,
    "FlipAngle": 76.1,
    "ImageComments": "PIOP2",
    "ImageOrientationPatientDICOM": [
      0.995823,
      0.0624191,
      -0.0666302,
      -0.0654443,
      0.996876,
      -0.0442269
    ],
    "Manufacturer": "Philips",
    "NumberOfVolumesDiscardedByScanner": 2,
    "ParallelAcquisitionTechnique": "SENSE",
    "ParallelReductionFactorInPlane": 2,
    "PatientPosition": "HFS",
    "PhaseEncodingDirection": "j",
    "PhilipsRescaleIntercept": 0,
    "PhilipsRescaleSlope": 0.76093,
    "PhilipsScaleSlope": 0.0468625,
    "ProtocolName": "WIPtask-stop_boldSENSE",
    "PulseSequenceType": "gradient echo EPI",
    "ReconMatrixPE": 80,
    "RepetitionTime": 2,
    "SeriesDescription": "ImageMRSERIES",
    "SeriesNumber": 7,
    "SliceEncodingDirection": "k",
    "SliceTiming": [
      0.0,
      0.0556,
      0.1111,
      0.1667,
      0.2222,
      0.2778,
      0.3333,
      0.3889,
      0.4444,
      0.5,
      0.5556,
      0.6111,
      0.6667,
      0.7222,
      0.7778,
      0.8333,
      0.8889,
      0.9444,
      1.0,
      1.0556,
      1.1111,
      1.1667,
      1.2222,
      1.2778,
      1.3333,
      1.3889,
      1.4444,
      1.5,
      1.5556,
      1.6111,
      1.6667,
      1.7222,
      1.7778,
      1.8333,
      1.8889,
      1.9444
    ],
    "TaskName": "stopsignal",
    "TotalReadoutTime": 0.026945238983542674,
    "UsePhilipsFloatNotDisplayScaling": 1,
    "WaterFatShift": 12,
    "acq_id": "seq",
    "dataset": "ds002790",
    "modality": "bold",
    "subject_id": "0007",
    "task_id": "stopsignal"
  },
  "dummy_trs": 0,
  "dvars_nstd": 21.86039272935184,
  "dvars_std": 1.3410611318981478,
  "dvars_vstd": 1.0554707011111113,
  "efc": 0.3847649896581195,
  "fber": 291061.0,
  "fd_mean": 0.17562518802297267,
  "fd_num": 74,
  "fd_perc": 34.10138248847926,
  "fwhm_avg": 2.0198490997862604,
  "fwhm_x": 1.97445,
  "fwhm_y": 2.242036666666667,
  "fwhm_z": 1.8430606326921148,
  "gcor": 0.0224636,
  "gsr_x": -0.02161458134651184,
  "gsr_y": 0.013095329515635967,
  "provenance": {
    "md5sum": "bf606ae5cd510a4521f76466229650e2",
    "settings": {
      "fd_thres": 0.2,
      "testing": false
    },
    "software": "mriqc",
    "version": "22.0.0rc1",
    "webapi_port": null,
    "webapi_url": "https://mriqc.nimh.nih.gov/api/v1"
  },
  "size_t": 217,
  "size_x": 80,
  "size_y": 80,
  "size_z": 36,
  "snr": 5.697472878315358,
  "spacing_tr": 2.0,
  "spacing_x": 3.0,
  "spacing_y": 3.0,
  "spacing_z": 3.299999952316284,
  "summary_bg_k": 105.06385862089219,
  "summary_bg_mad": 59.6613282669016,
  "summary_bg_mean": 595.1738891601562,
  "summary_bg_median": 56.62980651855469,
  "summary_bg_n": 163716.0,
  "summary_bg_p05": 5.664029121398926,
  "summary_bg_p95": 2897.6337280273438,
  "summary_bg_stdv": 1862.602783203125,
  "summary_fg_k": 2.0574336209564716,
  "summary_fg_mad": 5007.541115736915,
  "summary_fg_mean": 31488.0234375,
  "summary_fg_median": 30939.140625,
  "summary_fg_n": 27995.0,
  "summary_fg_p05": 23897.425390625,
  "summary_fg_p95": 40467.616015625,
  "summary_fg_stdv": 5430.22998046875,
  "tsnr": 74.13812255859375
}