{
  "aor": 0.001550166666666667,
  "aqi": 0.004556899625,
  "bids_meta": {
    "AcquisitionNumber": 4,
    "BidsifyVersion": "0.3.5",
    "ConversionSoftware": "dcm2niix",
    "ConversionSoftwareVersion": "v1.0.20181125  GCC6.3.0",
    "EchoTime": 0.02763,
    "EffectiveEchoSpacing": 0.0006909035636805814,
    "FlipAngle": 76.1,
    "ImageComments": "PIOP2",
    "ImageOrientationPatientDICOM": [
      0.995823,
      0.0624191,
      -0.0666302,
      -0.0654443,
      0.996876,
      -0.0442269
    ],
    "Manufacturer": "Philips",
    "NumberOfVolumesDiscardedByScanner": 2,
    "ParallelAcquisitionTechnique": "SENSE",
    "ParallelReductionFactorInPlane": 2,
    "PatientPosition": "HFS",
    "PhaseEncodingDirection": "j",
    "PhilipsRescaleIntercept": 0,
    "PhilipsRescaleSlope": 0.77094,
    "PhilipsScaleSlope": 0.0458415,
    "ProtocolName": "WIPtask-rest_boldSENSE",
    "PulseSequenceType": "gradient echo EPI",
    "ReconMatrixPE": 80,
    "RepetitionTime": 2,
    "SeriesDescription": "ImageMRSERIES",
    "SeriesNumber": 4,
    "SliceEncodingDirection": "k",
    "SliceTiming": [
      0.0,
      0.0556,
      0.1111,
      0.1667,
      0.2222,
      0.2778,
      0.3333,
      0.3889,
      0.4444,
      0.5,
      0.5556,
      0.6111,
      0.6667,
      0.7222,
      0.7778,
      0.8333,
      0.8889,
      0.9444,
      1.0,
      1.0556,
      1.1111,
      1.1667,
      1.2222,
      1.2778,
      1.3333,
      1.3889,
      1.4444,
      1.5,
      1.5556,
      1.6111,
      1.6667,
      1.7222,
      1.7778,
      1.8333,
      1.8889,
      1.9444
    ],
    "TaskName": "restingstate",
    "TotalReadoutTime": 0.026945238983542674,
    "UsePhilipsFloatNotDisplayScaling": 1,
    "WaterFatShift": 12,
    "acq_id": "seq",
    "dataset": "ds002790",
    "modality": "bold",
    "subject_id": "0007",
    "task_id": "restingstate"
  },
  "dummy_trs": 0,
  "dvars_nstd": 23.1373083521339,
  "dvars_std": 1.2949156521757312,
  "dvars_vstd": 0.9822867766527196,
  "efc": 0.3843993246020577,
  "fber": 284828.125,
  "fd_mean": 0.1838558487391608,
  "fd_num": 88,
  "fd_perc": 36.666666666666664,
  "fwhm_avg": 2.024736271814026,
  "fwhm_x": 1.9516600000000002,
  "fwhm_y": 2.215003333333333,
  "fwhm_z": 1.9075454821087445,
  "gcor": 0.0219138,
  "gsr_x": -0.02125377394258976,
  "gsr_y": 0.013838189654052258,
  "provenance": {
    "md5sum": "2f1a0378ba4aac09a450acd43a6c52d4",
    "settings": {
      "fd_thres": 0.2,
      "testing": false
    },
    "software": "mriqc",
    "version": "22.0.0rc1",
    "webapi_port": null,
    "webapi_url": "https://mriqc.nimh.nih.gov/api/v1"
  },
  "size_t": 240,
  "size_x": 80,
  "size_y": 80,
  "size_z": 36,
  "snr": 5.6629728158971195,
  "spacing_tr": 2.0,
  "spacing_x": 3.0,
  "spacing_y": 3.0,
  "spacing_z": 3.299999952316284,
  "summary_bg_k": 113.27782804381093,
  "summary_bg_mad": 60.15470987561537,
  "summary_bg_mean": 597.75927734375,
  "summary_bg_median": 57.95233154296875,
  "summary_bg_n": 163642.0,
  "summary_bg_p05": 5.578916478157043,
  "summary_bg_p95": 2840.9334472656196,
  "summary_bg_stdv": 1899.555419921875,
  "summary_fg_k": 2.1983668093132698,
  "summary_fg_mad": 5071.802655645267,
  "summary_fg_mean": 32158.189453125,
  "summary_fg_median": 31535.171875,
  "summary_fg_n": 28051.0,
  "summary_fg_p05": 24415.306640625,
  "summary_fg_p95": 41263.875,
  "summary_fg_stdv": 5568.56103515625,
  "tsnr": 84.68878173828125
}