{
  "bids_meta": {
    "AcquisitionNumber": 2,
    "BidsifyVersion": "0.3.5",
    "ConversionSoftware": "dcm2niix",
    "ConversionSoftwareVersion": "v1.0.20181125  GCC6.3.0",
    "EchoTime": 0.00378,
    "ImageComments": "PIOP2",
    "ImageOrientationPatientDICOM": [
      0.999692,
      -0.0232044,
      0.0088153,
      0.0219879,
      0.992612,
      0.11932
    ],
    "Manufacturer": "Philips",
    "NumberSignalAcquisitions": 2,
    "PatientPosition": "HFS",
    "PhilipsRescaleIntercept": 0,
    "PhilipsRescaleSlope": 8.36874,
    "PhilipsScaleSlope": 0.00662526,
    "ProtocolName": "WIPT1anat_acq-6m_T1wSENSE",
    "ReconMatrixPE": 240,
    "RepetitionTime": 0.008233,
    "SeriesDescription": "ImageMRSERIES",
    "SeriesNumber": 2,
    "UsePhilipsFloatNotDisplayScaling": 1,
    "dataset": "ds002790",
    "modality": "T1w",
    "subject_id": "0047"
  },
  "cjv": 0.25039897180108917,
  "cnr": 4.794351116581759,
  "efc": 0.7644476869992594,
  "fber": 1261.802978515625,
  "fwhm_avg": 4.558180179460059,
  "fwhm_x": 4.3108602569472945,
  "fwhm_y": 4.64202,
  "fwhm_z": 4.721660281432884,
  "icvs_csf": 0.2643205364481636,
  "icvs_gm": 0.3871233621657113,
  "icvs_wm": 0.3485561013861251,
  "inu_med": 1.910310983657837,
  "inu_range": 0.6458523929119111,
  "provenance": {
    "md5sum": "8a52ca7aa96b89be8ee8277890c8a3a7",
    "settings": {
      "testing": false
    },
    "software": "mriqc",
    "version": "22.0.0rc1",
    "warnings": {
      "large_rot_frame": true,
      "small_air_mask": true
    },
    "webapi_port": null,
    "webapi_url": "https://mriqc.nimh.nih.gov/api/v1"
  },
  "qi_1": 0.0,
  "qi_2": 0.00010116615539317382,
  "rpve_csf": 21.191940150604296,
  "rpve_gm": 13.693807980082783,
  "rpve_wm": 20.122694014384397,
  "size_x": 240,
  "size_y": 240,
  "size_z": 220,
  "snr_csf": 4.0588103533289015,
  "snr_gm": 9.940566342586878,
  "snr_total": 12.951852872001474,
  "snr_wm": 24.85618192008864,
  "snrd_csf": 23.57615706307116,
  "snrd_gm": 42.276116929979594,
  "snrd_total": 44.126554675379225,
  "snrd_wm": 66.52739003308693,
  "spacing_x": 0.9999999403953552,
  "spacing_y": 1.0,
  "spacing_z": 0.9999999403953552,
  "summary_bg_k": 9.510318989031338,
  "summary_bg_mad": 9.84762662504528,
  "summary_bg_mean": 10.311036109924316,
  "summary_bg_median": 6.811412334442139,
  "summary_bg_n": 145878.0,
  "summary_bg_p05": 0.0,
  "summary_bg_p95": 26.92555522918701,
  "summary_bg_stdv": 8.721944808959961,
  "summary_csf_k": 1.230561536886892,
  "summary_csf_mad": 69.18293046954216,
  "summary_csf_mean": 338.95538330078125,
  "summary_csf_median": 354.38299560546875,
  "summary_csf_n": 13490.0,
  "summary_csf_p05": 161.13570404052734,
  "summary_csf_p95": 456.4203308105468,
  "summary_csf_stdv": 87.30879974365234,
  "summary_gm_k": 0.5205094125522227,
  "summary_gm_mad": 58.649523118424746,
  "summary_gm_mean": 641.646484375,
  "summary_gm_median": 635.4698486328125,
  "summary_gm_n": 19852.0,
  "summary_gm_p05": 549.0161895751953,
  "summary_gm_p95": 760.1952545166017,
  "summary_gm_stdv": 63.925315856933594,
  "summary_wm_k": 2.653876749059597,
  "summary_wm_mad": 32.62865065523919,
  "summary_wm_mean": 997.5433349609375,
  "summary_wm_median": 1000.0007934570312,
  "summary_wm_n": 210385.0,
  "summary_wm_p05": 927.2911987304688,
  "summary_wm_p95": 1056.6713134765625,
  "summary_wm_stdv": 40.23137664794922,
  "tpm_overlap_csf": 0.1357334405183792,
  "tpm_overlap_gm": 0.4157736599445343,
  "tpm_overlap_wm": 0.49370357394218445,
  "wm2max": 0.6517328686726452
}