{
  "aor": 0.0020199166666666673,
  "aqi": 0.005170720416666667,
  "bids_meta": {
    "AcquisitionNumber": 4,
    "BidsifyVersion": "0.3.5",
    "ConversionSoftware": "dcm2niix",
    "ConversionSoftwareVersion": "v1.0.20181125  GCC6.3.0",
    "EchoTime": 0.02763,
    "EffectiveEchoSpacing": 0.0006909035636805814,
    "FlipAngle": 76.1,
    "ImageComments": "PIOP2",
    "ImageOrientationPatientDICOM": [
      0.996258,
      -0.000874009,
      0.0864233,
      0.0119983,
      0.991665,
      -0.128283
    ],
    "Manufacturer": "Philips",
    "NumberOfVolumesDiscardedByScanner": 2,
    "ParallelAcquisitionTechnique": "SENSE",
    "ParallelReductionFactorInPlane": 2,
    "PatientPosition": "HFS",
    "PhaseEncodingDirection": "j",
    "PhilipsRescaleIntercept": 0,
    "PhilipsRescaleSlope": 0.80147,
    "PhilipsScaleSlope": 0.0628374,
    "ProtocolName": "WIPtask-rest_boldSENSE",
    "PulseSequenceType": "gradient echo EPI",
    "ReconMatrixPE": 80,
    "RepetitionTime": 2,
    "SeriesDescription": "ImageMRSERIES",
    "SeriesNumber": 4,
    "SliceEncodingDirection": "k",
    "SliceTiming": [
      0.0,
      0.0556,
      0.1111,
      0.1667,
      0.2222,
      0.2778,
      0.3333,
      0.3889,
      0.4444,
      0.5,
      0.5556,
      0.6111,
      0.6667,
      0.7222,
      0.7778,
      0.8333,
      0.8889,
      0.9444,
      1.0,
      1.0556,
      1.1111,
      1.1667,
      1.2222,
      1.2778,
      1.3333,
      1.3889,
      1.4444,
      1.5,
      1.5556,
      1.6111,
      1.6667,
      1.7222,
      1.7778,
      1.8333,
      1.8889,
      1.9444
    ],
    "TaskName": "restingstate",
    "TotalReadoutTime": 0.026945238983542674,
    "UsePhilipsFloatNotDisplayScaling": 1,
    "WaterFatShift": 12,
    "acq_id": "seq",
    "dataset": "ds002790",
    "modality": "bold",
    "subject_id": "0113",
    "task_id": "restingstate"
  },
  "dummy_trs": 0,
  "dvars_nstd": 18.943321431589965,
  "dvars_std": 1.2688762932635982,
  "dvars_vstd": 0.9837962213807527,
  "efc": 0.4463560925249537,
  "fber": 185185.59375,
  "fd_mean": 0.11952069571148045,
  "fd_num": 23,
  "fd_perc": 9.583333333333334,
  "fwhm_avg": 1.9702239481072883,
  "fwhm_x": 1.9512733333333332,
  "fwhm_y": 2.15035,
  "fwhm_z": 1.8090485109885317,
  "gcor": 0.0112018,
  "gsr_x": -0.010903443209826946,
  "gsr_y": 0.008883086033165455,
  "provenance": {
    "md5sum": "c1b689e76395e3dcea95d20b18c5fe11",
    "settings": {
      "fd_thres": 0.2,
      "testing": false
    },
    "software": "mriqc",
    "version": "22.0.0rc1",
    "webapi_port": null,
    "webapi_url": "https://mriqc.nimh.nih.gov/api/v1"
  },
  "size_t": 240,
  "size_x": 80,
  "size_y": 80,
  "size_z": 36,
  "snr": 6.024395677242983,
  "spacing_tr": 2.0,
  "spacing_x": 3.0,
  "spacing_y": 3.0,
  "spacing_z": 3.299999952316284,
  "summary_bg_k": 37.42800361980455,
  "summary_bg_mad": 60.39229715825915,
  "summary_bg_mean": 683.6925048828125,
  "summary_bg_median": 55.02396011352539,
  "summary_bg_n": 153028.0,
  "summary_bg_p05": 4.646920132637024,
  "summary_bg_p95": 4028.0374877929644,
  "summary_bg_stdv": 1876.62060546875,
  "summary_fg_k": 1.1672517049826476,
  "summary_fg_mad": 3862.5465340542614,
  "summary_fg_mean": 24305.953125,
  "summary_fg_median": 24023.580078125,
  "summary_fg_n": 37047.0,
  "summary_fg_p05": 18476.9146484375,
  "summary_fg_p95": 30901.0185546875,
  "summary_fg_stdv": 3987.662353515625,
  "tsnr": 82.27599334716797
}