{
  "aor": 0.0023635,
  "aqi": 0.006136199687499999,
  "bids_meta": {
    "AcquisitionNumber": 3,
    "BidsifyVersion": "0.3.5",
    "ConversionSoftware": "dcm2niix",
    "ConversionSoftwareVersion": "v1.0.20181125  GCC6.3.0",
    "EchoTime": 0.02763,
    "EffectiveEchoSpacing": 0.0006909035636805814,
    "FlipAngle": 76.1,
    "ImageComments": "PIOP2",
    "ImageOrientationPatientDICOM": [
      0.996258,
      -0.000874009,
      0.0864233,
      0.0119983,
      0.991665,
      -0.128283
    ],
    "Manufacturer": "Philips",
    "NumberOfVolumesDiscardedByScanner": 2,
    "ParallelAcquisitionTechnique": "SENSE",
    "ParallelReductionFactorInPlane": 2,
    "PatientPosition": "HFS",
    "PhaseEncodingDirection": "j",
    "PhilipsRescaleIntercept": 0,
    "PhilipsRescaleSlope": 0.81807,
    "PhilipsScaleSlope": 0.0620314,
    "ProtocolName": "WIPtask-wm_boldSENSE",
    "PulseSequenceType": "gradient echo EPI",
    "ReconMatrixPE": 80,
    "RepetitionTime": 2,
    "SeriesDescription": "ImageMRSERIES",
    "SeriesNumber": 3,
    "SliceEncodingDirection": "k",
    "SliceTiming": [
      0.0,
      0.0556,
      0.1111,
      0.1667,
      0.2222,
      0.2778,
      0.3333,
      0.3889,
      0.4444,
      0.5,
      0.5556,
      0.6111,
      0.6667,
      0.7222,
      0.7778,
      0.8333,
      0.8889,
      0.9444,
      1.0,
      1.0556,
      1.1111,
      1.1667,
      1.2222,
      1.2778,
      1.3333,
      1.3889,
      1.4444,
      1.5,
      1.5556,
      1.6111,
      1.6667,
      1.7222,
      1.7778,
      1.8333,
      1.8889,
      1.9444
    ],
    "TaskName": "workingmemory",
    "TotalReadoutTime": 0.026945238983542674,
    "UsePhilipsFloatNotDisplayScaling": 1,
    "WaterFatShift": 12,
    "acq_id": "seq",
    "dataset": "ds002790",
    "modality": "bold",
    "subject_id": "0113",
    "task_id": "workingmemory"
  },
  "dummy_trs": 0,
  "dvars_nstd": 16.67953872119497,
  "dvars_std": 1.1392366615723268,
  "dvars_vstd": 0.9691079618867928,
  "efc": 0.4462080881826725,
  "fber": 190740.40625,
  "fd_mean": 0.10516473060769338,
  "fd_num": 4,
  "fd_perc": 2.5,
  "fwhm_avg": 1.943079907580689,
  "fwhm_x": 1.9055466666666667,
  "fwhm_y": 2.1400900000000003,
  "fwhm_z": 1.7836030560754004,
  "gcor": 0.0187036,
  "gsr_x": -0.010208399966359138,
  "gsr_y": 0.008938192389905453,
  "provenance": {
    "md5sum": "8cb71ab598a4ff72ec867d795c7cc790",
    "settings": {
      "fd_thres": 0.2,
      "testing": false
    },
    "software": "mriqc",
    "version": "22.0.0rc1",
    "webapi_port": null,
    "webapi_url": "https://mriqc.nimh.nih.gov/api/v1"
  },
  "size_t": 160,
  "size_x": 80,
  "size_y": 80,
  "size_z": 36,
  "snr": 6.201697825190248,
  "spacing_tr": 2.0,
  "spacing_x": 3.0,
  "spacing_y": 3.0,
  "spacing_z": 3.299999952316284,
  "summary_bg_k": 36.543594264510666,
  "summary_bg_mad": 58.363861860475126,
  "summary_bg_mean": 677.6937255859375,
  "summary_bg_median": 53.94354248046875,
  "summary_bg_n": 152937.0,
  "summary_bg_p05": 4.993647575378418,
  "summary_bg_p95": 4019.785107421874,
  "summary_bg_stdv": 1862.9869384765625,
  "summary_fg_k": 1.0770940223813517,
  "summary_fg_mad": 3775.4899850363854,
  "summary_fg_mean": 24224.095703125,
  "summary_fg_median": 23979.037109375,
  "summary_fg_n": 37019.0,
  "summary_fg_p05": 18466.5033203125,
  "summary_fg_p95": 30623.917578124998,
  "summary_fg_stdv": 3866.4755859375,
  "tsnr": 81.11482238769531
}