{
  "bids_meta": {
    "AcquisitionNumber": 2,
    "BidsifyVersion": "0.3.5",
    "ConversionSoftware": "dcm2niix",
    "ConversionSoftwareVersion": "v1.0.20181125  GCC6.3.0",
    "EchoTime": 0.00379,
    "ImageComments": "PIOP2",
    "ImageOrientationPatientDICOM": [
      0.997276,
      -0.000585912,
      0.0737512,
      0.0087031,
      0.993917,
      -0.109789
    ],
    "Manufacturer": "Philips",
    "NumberSignalAcquisitions": 2,
    "PatientPosition": "HFS",
    "PhilipsRescaleIntercept": 0,
    "PhilipsRescaleSlope": 9.03321,
    "PhilipsScaleSlope": 0.00745022,
    "ProtocolName": "WIPT1anat_acq-6m_T1wSENSE",
    "ReconMatrixPE": 240,
    "RepetitionTime": 0.008278,
    "SeriesDescription": "ImageMRSERIES",
    "SeriesNumber": 2,
    "UsePhilipsFloatNotDisplayScaling": 1,
    "dataset": "ds002790",
    "modality": "T1w",
    "subject_id": "0113"
  },
  "cjv": 0.2418343771436264,
  "cnr": 4.913703189232648,
  "efc": 0.7771580292760674,
  "fber": 1419.8848876953125,
  "fwhm_avg": 4.949116666666666,
  "fwhm_x": 4.61904,
  "fwhm_y": 4.98882,
  "fwhm_z": 5.23949,
  "icvs_csf": 0.28086024746568156,
  "icvs_gm": 0.3871575864826386,
  "icvs_wm": 0.33198216605167985,
  "inu_med": 2.177609920501709,
  "inu_range": 0.5888519287109375,
  "provenance": {
    "md5sum": "5481b30751cb760602dc04c1c149e523",
    "settings": {
      "testing": false
    },
    "software": "mriqc",
    "version": "22.0.0rc1",
    "warnings": {
      "large_rot_frame": true,
      "small_air_mask": true
    },
    "webapi_port": null,
    "webapi_url": "https://mriqc.nimh.nih.gov/api/v1"
  },
  "qi_1": 0.0,
  "qi_2": 0.00011029343636652495,
  "rpve_csf": 21.285962407278813,
  "rpve_gm": 14.516249283787749,
  "rpve_wm": 22.169092588519902,
  "size_x": 240,
  "size_y": 240,
  "size_z": 220,
  "snr_csf": 3.268444480149351,
  "snr_gm": 9.470522345384923,
  "snr_total": 13.054813498650736,
  "snr_wm": 26.42547367041793,
  "snrd_csf": 23.233814824711335,
  "snrd_gm": 46.01755207931449,
  "snrd_total": 47.635923377564126,
  "snrd_wm": 73.65640322866656,
  "spacing_x": 1.0,
  "spacing_y": 1.0,
  "spacing_z": 1.0,
  "summary_bg_k": 14.697290501457893,
  "summary_bg_mad": 8.894452482995021,
  "summary_bg_mean": 9.205095291137695,
  "summary_bg_median": 6.176502227783203,
  "summary_bg_n": 178095.0,
  "summary_bg_p05": 0.0,
  "summary_bg_p95": 18.66890068054199,
  "summary_bg_stdv": 6.933365345001221,
  "summary_csf_k": -0.484087359015287,
  "summary_csf_mad": 99.81076038486296,
  "summary_csf_mean": 302.32281494140625,
  "summary_csf_median": 315.43365478515625,
  "summary_csf_n": 25055.0,
  "summary_csf_p05": 127.90157623291016,
  "summary_csf_p95": 440.0039520263672,
  "summary_csf_stdv": 96.50687408447266,
  "summary_gm_k": 0.7638288314535373,
  "summary_gm_mad": 60.37450510025232,
  "summary_gm_mean": 632.4461059570312,
  "summary_gm_median": 624.7568359375,
  "summary_gm_n": 20233.0,
  "summary_gm_p05": 538.4857666015625,
  "summary_gm_p95": 753.0038940429687,
  "summary_gm_stdv": 65.9669418334961,
  "summary_wm_k": 2.557460175486627,
  "summary_wm_mad": 30.37108472828132,
  "summary_wm_mean": 996.0265502929688,
  "summary_wm_median": 999.9954223632812,
  "summary_wm_n": 202337.0,
  "summary_wm_p05": 926.7494384765625,
  "summary_wm_p95": 1048.9249755859375,
  "summary_wm_stdv": 37.84200668334961,
  "tpm_overlap_csf": 0.16599394381046295,
  "tpm_overlap_gm": 0.454822301864624,
  "tpm_overlap_wm": 0.5144317746162415,
  "wm2max": 0.7786461406168881
}