{
  "aor": 0.005095208333333334,
  "aqi": 0.013455366875000001,
  "bids_meta": {
    "AcquisitionNumber": 4,
    "BidsifyVersion": "0.3.5",
    "ConversionSoftware": "dcm2niix",
    "ConversionSoftwareVersion": "v1.0.20181125  GCC6.3.0",
    "EchoTime": 0.02763,
    "EffectiveEchoSpacing": 0.0006909035636805814,
    "FlipAngle": 76.1,
    "ImageComments": "PIOP2",
    "ImageOrientationPatientDICOM": [
      0.997364,
      0.00734572,
      -0.072186,
      -0.00156666,
      0.99681,
      0.0797905
    ],
    "Manufacturer": "Philips",
    "NumberOfVolumesDiscardedByScanner": 2,
    "ParallelAcquisitionTechnique": "SENSE",
    "ParallelReductionFactorInPlane": 2,
    "PatientPosition": "HFS",
    "PhaseEncodingDirection": "j",
    "PhilipsRescaleIntercept": 0,
    "PhilipsRescaleSlope": 0.75458,
    "PhilipsScaleSlope": 0.0578578,
    "ProtocolName": "WIPtask-rest_boldSENSE",
    "PulseSequenceType": "gradient echo EPI",
    "ReconMatrixPE": 80,
    "RepetitionTime": 2,
    "SeriesDescription": "ImageMRSERIES",
    "SeriesNumber": 4,
    "SliceEncodingDirection": "k",
    "SliceTiming": [
      0.0,
      0.0556,
      0.1111,
      0.1667,
      0.2222,
      0.2778,
      0.3333,
      0.3889,
      0.4444,
      0.5,
      0.5556,
      0.6111,
      0.6667,
      0.7222,
      0.7778,
      0.8333,
      0.8889,
      0.9444,
      1.0,
      1.0556,
      1.1111,
      1.1667,
      1.2222,
      1.2778,
      1.3333,
      1.3889,
      1.4444,
      1.5,
      1.5556,
      1.6111,
      1.6667,
      1.7222,
      1.7778,
      1.8333,
      1.8889,
      1.9444
    ],
    "TaskName": "restingstate",
    "TotalReadoutTime": 0.026945238983542674,
    "UsePhilipsFloatNotDisplayScaling": 1,
    "WaterFatShift": 12,
    "acq_id": "seq",
    "dataset": "ds002790",
    "modality": "bold",
    "subject_id": "0181",
    "task_id": "restingstate"
  },
  "dummy_trs": 0,
  "dvars_nstd": 18.31191291184101,
  "dvars_std": 1.071550119832636,
  "dvars_vstd": 0.9600255653556492,
  "efc": 0.42326914521046294,
  "fber": 231904.890625,
  "fd_mean": 0.2318600676847877,
  "fd_num": 86,
  "fd_perc": 35.833333333333336,
  "fwhm_avg": 1.8587242506162376,
  "fwhm_x": 1.8547333333333331,
  "fwhm_y": 2.020633333333333,
  "fwhm_z": 1.7008060851820466,
  "gcor": 0.0127841,
  "gsr_x": -0.007067977450788021,
  "gsr_y": 0.0024861381389200687,
  "provenance": {
    "md5sum": "dd6ab6248de5da0a4b57cce6e7c6d80c",
    "settings": {
      "fd_thres": 0.2,
      "testing": false
    },
    "software": "mriqc",
    "version": "22.0.0rc1",
    "webapi_port": null,
    "webapi_url": "https://mriqc.nimh.nih.gov/api/v1"
  },
  "size_t": 240,
  "size_x": 80,
  "size_y": 80,
  "size_z": 36,
  "snr": 6.390867439550181,
  "spacing_tr": 2.0,
  "spacing_x": 3.0,
  "spacing_y": 3.0,
  "spacing_z": 3.299999952316284,
  "summary_bg_k": 43.1179228016593,
  "summary_bg_mad": 57.32377124925527,
  "summary_bg_mean": 511.44647216796875,
  "summary_bg_median": 52.659690856933594,
  "summary_bg_n": 155496.0,
  "summary_bg_p05": 4.836758971214294,
  "summary_bg_p95": 2389.3232421875,
  "summary_bg_stdv": 1591.6776123046875,
  "summary_fg_k": 1.2467442652675391,
  "summary_fg_mad": 4027.752435949147,
  "summary_fg_mean": 26166.078125,
  "summary_fg_median": 25860.720703125,
  "summary_fg_n": 34900.0,
  "summary_fg_p05": 20376.32529296875,
  "summary_fg_p95": 32938.065624999996,
  "summary_fg_stdv": 4046.453857421875,
  "tsnr": 57.93239212036133
}