{
  "aor": 0.0047455760368663585,
  "aqi": 0.013845265023041476,
  "bids_meta": {
    "AcquisitionNumber": 7,
    "BidsifyVersion": "0.3.5",
    "ConversionSoftware": "dcm2niix",
    "ConversionSoftwareVersion": "v1.0.20181125  GCC6.3.0",
    "EchoTime": 0.02763,
    "EffectiveEchoSpacing": 0.0006909035636805814,
    "FlipAngle": 76.1,
    "ImageComments": "PIOP2",
    "ImageOrientationPatientDICOM": [
      0.997364,
      0.00734572,
      -0.072186,
      -0.00156666,
      0.99681,
      0.0797905
    ],
    "Manufacturer": "Philips",
    "NumberOfVolumesDiscardedByScanner": 2,
    "ParallelAcquisitionTechnique": "SENSE",
    "ParallelReductionFactorInPlane": 2,
    "PatientPosition": "HFS",
    "PhaseEncodingDirection": "j",
    "PhilipsRescaleIntercept": 0,
    "PhilipsRescaleSlope": 0.78315,
    "PhilipsScaleSlope": 0.0589292,
    "ProtocolName": "WIPtask-stop_boldSENSE",
    "PulseSequenceType": "gradient echo EPI",
    "ReconMatrixPE": 80,
    "RepetitionTime": 2,
    "SeriesDescription": "ImageMRSERIES",
    "SeriesNumber": 7,
    "SliceEncodingDirection": "k",
    "SliceTiming": [
      0.0,
      0.0556,
      0.1111,
      0.1667,
      0.2222,
      0.2778,
      0.3333,
      0.3889,
      0.4444,
      0.5,
      0.5556,
      0.6111,
      0.6667,
      0.7222,
      0.7778,
      0.8333,
      0.8889,
      0.9444,
      1.0,
      1.0556,
      1.1111,
      1.1667,
      1.2222,
      1.2778,
      1.3333,
      1.3889,
      1.4444,
      1.5,
      1.5556,
      1.6111,
      1.6667,
      1.7222,
      1.7778,
      1.8333,
      1.8889,
      1.9444
    ],
    "TaskName": "stopsignal",
    "TotalReadoutTime": 0.026945238983542674,
    "UsePhilipsFloatNotDisplayScaling": 1,
    "WaterFatShift": 12,
    "acq_id": "seq",
    "dataset": "ds002790",
    "modality": "bold",
    "subject_id": "0181",
    "task_id": "stopsignal"
  },
  "dummy_trs": 0,
  "dvars_nstd": 17.629351708796293,
  "dvars_std": 0.9651427540277778,
  "dvars_vstd": 0.9090760993055562,
  "efc": 0.42358504983082323,
  "fber": 274115.125,
  "fd_mean": 0.19281020974748686,
  "fd_num": 40,
  "fd_perc": 18.433179723502302,
  "fwhm_avg": 1.8950864731918333,
  "fwhm_x": 1.8626033333333334,
  "fwhm_y": 2.0484833333333334,
  "fwhm_z": 1.7741727529088331,
  "gcor": 0.0145033,
  "gsr_x": -0.006798457354307175,
  "gsr_y": 0.0026857235934585333,
  "provenance": {
    "md5sum": "ed801ca7e9b4814c69ed71e95af5ea56",
    "settings": {
      "fd_thres": 0.2,
      "testing": false
    },
    "software": "mriqc",
    "version": "22.0.0rc1",
    "webapi_port": null,
    "webapi_url": "https://mriqc.nimh.nih.gov/api/v1"
  },
  "size_t": 217,
  "size_x": 80,
  "size_y": 80,
  "size_z": 36,
  "snr": 6.335429018193153,
  "spacing_tr": 2.0,
  "spacing_x": 3.0,
  "spacing_y": 3.0,
  "spacing_z": 3.299999952316284,
  "summary_bg_k": 43.569399853599734,
  "summary_bg_mad": 50.841969056902364,
  "summary_bg_mean": 506.8788757324219,
  "summary_bg_median": 47.96357345581055,
  "summary_bg_n": 155325.0,
  "summary_bg_p05": 4.60035915374756,
  "summary_bg_p95": 2353.0560058593715,
  "summary_bg_stdv": 1586.33349609375,
  "summary_fg_k": 1.1771733469801093,
  "summary_fg_mad": 4006.0230471841746,
  "summary_fg_mean": 25850.111328125,
  "summary_fg_median": 25538.37109375,
  "summary_fg_n": 34985.0,
  "summary_fg_p05": 20000.116796875,
  "summary_fg_p95": 32553.091796874996,
  "summary_fg_stdv": 4030.98291015625,
  "tsnr": 63.21446228027344
}