{
  "aor": 0.0016208125,
  "aqi": 0.014350088,
  "bids_meta": {
    "AcquisitionNumber": 3,
    "BidsifyVersion": "0.3.5",
    "ConversionSoftware": "dcm2niix",
    "ConversionSoftwareVersion": "v1.0.20181125  GCC6.3.0",
    "EchoTime": 0.02763,
    "EffectiveEchoSpacing": 0.0006909035636805814,
    "FlipAngle": 76.1,
    "ImageComments": "PIOP2",
    "ImageOrientationPatientDICOM": [
      0.997364,
      0.00734572,
      -0.072186,
      -0.00156666,
      0.99681,
      0.0797905
    ],
    "Manufacturer": "Philips",
    "NumberOfVolumesDiscardedByScanner": 2,
    "ParallelAcquisitionTechnique": "SENSE",
    "ParallelReductionFactorInPlane": 2,
    "PatientPosition": "HFS",
    "PhaseEncodingDirection": "j",
    "PhilipsRescaleIntercept": 0,
    "PhilipsRescaleSlope": 0.77485,
    "PhilipsScaleSlope": 0.0582402,
    "ProtocolName": "WIPtask-wm_boldSENSE",
    "PulseSequenceType": "gradient echo EPI",
    "ReconMatrixPE": 80,
    "RepetitionTime": 2,
    "SeriesDescription": "ImageMRSERIES",
    "SeriesNumber": 3,
    "SliceEncodingDirection": "k",
    "SliceTiming": [
      0.0,
      0.0556,
      0.1111,
      0.1667,
      0.2222,
      0.2778,
      0.3333,
      0.3889,
      0.4444,
      0.5,
      0.5556,
      0.6111,
      0.6667,
      0.7222,
      0.7778,
      0.8333,
      0.8889,
      0.9444,
      1.0,
      1.0556,
      1.1111,
      1.1667,
      1.2222,
      1.2778,
      1.3333,
      1.3889,
      1.4444,
      1.5,
      1.5556,
      1.6111,
      1.6667,
      1.7222,
      1.7778,
      1.8333,
      1.8889,
      1.9444
    ],
    "TaskName": "workingmemory",
    "TotalReadoutTime": 0.026945238983542674,
    "UsePhilipsFloatNotDisplayScaling": 1,
    "WaterFatShift": 12,
    "acq_id": "seq",
    "dataset": "ds002790",
    "modality": "bold",
    "subject_id": "0181",
    "task_id": "workingmemory"
  },
  "dummy_trs": 0,
  "dvars_nstd": 19.801420103396225,
  "dvars_std": 1.0742241400628934,
  "dvars_vstd": 0.886749619685534,
  "efc": 0.4246268471647039,
  "fber": 234619.1875,
  "fd_mean": 0.17160959391650538,
  "fd_num": 36,
  "fd_perc": 22.5,
  "fwhm_avg": 1.8834326348623343,
  "fwhm_x": 1.8419800000000002,
  "fwhm_y": 2.0228633333333335,
  "fwhm_z": 1.7854545712536694,
  "gcor": 0.0217309,
  "gsr_x": -0.007589198648929596,
  "gsr_y": 0.0014560460112988949,
  "provenance": {
    "md5sum": "8e25c786222b2580e1a2d4557842402b",
    "settings": {
      "fd_thres": 0.2,
      "testing": false
    },
    "software": "mriqc",
    "version": "22.0.0rc1",
    "webapi_port": null,
    "webapi_url": "https://mriqc.nimh.nih.gov/api/v1"
  },
  "size_t": 160,
  "size_x": 80,
  "size_y": 80,
  "size_z": 36,
  "snr": 6.3341498209945275,
  "spacing_tr": 2.0,
  "spacing_x": 3.0,
  "spacing_y": 3.0,
  "spacing_z": 3.299999952316284,
  "summary_bg_k": 48.92043090371995,
  "summary_bg_mad": 57.43004569245208,
  "summary_bg_mean": 534.7584228515625,
  "summary_bg_median": 52.658607482910156,
  "summary_bg_n": 155487.0,
  "summary_bg_p05": 4.584014081954956,
  "summary_bg_p95": 2462.1085449218726,
  "summary_bg_stdv": 1689.418701171875,
  "summary_fg_k": 1.276768609984523,
  "summary_fg_mad": 4046.6802277484867,
  "summary_fg_mean": 26195.681640625,
  "summary_fg_median": 25896.822265625,
  "summary_fg_n": 35014.0,
  "summary_fg_p05": 20330.8353515625,
  "summary_fg_p95": 33007.67578124999,
  "summary_fg_stdv": 4088.386474609375,
  "tsnr": 61.19764709472656
}