{
  "aor": 0.0035083783783783785,
  "aqi": 0.0021733135585585584,
  "bids_meta": {
    "AcquisitionNumber": 7,
    "BidsifyVersion": "0.3.5",
    "ConversionSoftware": "dcm2niix",
    "ConversionSoftwareVersion": "v1.0.20181125  GCC6.3.0",
    "EchoTime": 0.02763,
    "EffectiveEchoSpacing": 0.0006909035636805814,
    "FlipAngle": 76.1,
    "ImageComments": "PIOP2",
    "ImageOrientationPatientDICOM": [
      0.998908,
      0.010202,
      0.0456049,
      -0.0184824,
      0.98256,
      0.185026
    ],
    "Manufacturer": "Philips",
    "NumberOfVolumesDiscardedByScanner": 2,
    "ParallelAcquisitionTechnique": "SENSE",
    "ParallelReductionFactorInPlane": 2,
    "PatientPosition": "HFS",
    "PhaseEncodingDirection": "j",
    "PhilipsRescaleIntercept": 0,
    "PhilipsRescaleSlope": 0.76166,
    "PhilipsScaleSlope": 0.0587254,
    "ProtocolName": "WIPtask-stop_boldSENSE",
    "PulseSequenceType": "gradient echo EPI",
    "ReconMatrixPE": 80,
    "RepetitionTime": 2,
    "SeriesDescription": "ImageMRSERIES",
    "SeriesNumber": 7,
    "SliceEncodingDirection": "k",
    "SliceTiming": [
      0.0,
      0.0556,
      0.1111,
      0.1667,
      0.2222,
      0.2778,
      0.3333,
      0.3889,
      0.4444,
      0.5,
      0.5556,
      0.6111,
      0.6667,
      0.7222,
      0.7778,
      0.8333,
      0.8889,
      0.9444,
      1.0,
      1.0556,
      1.1111,
      1.1667,
      1.2222,
      1.2778,
      1.3333,
      1.3889,
      1.4444,
      1.5,
      1.5556,
      1.6111,
      1.6667,
      1.7222,
      1.7778,
      1.8333,
      1.8889,
      1.9444
    ],
    "TaskName": "stopsignal",
    "TotalReadoutTime": 0.026945238983542674,
    "UsePhilipsFloatNotDisplayScaling": 1,
    "WaterFatShift": 12,
    "acq_id": "seq",
    "dataset": "ds002790",
    "modality": "bold",
    "subject_id": "0140",
    "task_id": "stopsignal"
  },
  "dummy_trs": 0,
  "dvars_nstd": 19.41058652524887,
  "dvars_std": 1.3641818923529412,
  "dvars_vstd": 1.0466720822624433,
  "efc": 0.4174253834465554,
  "fber": 224932.34375,
  "fd_mean": 0.10607463909069834,
  "fd_num": 10,
  "fd_perc": 4.504504504504505,
  "fwhm_avg": 2.040540817094198,
  "fwhm_x": 1.96915,
  "fwhm_y": 2.28113,
  "fwhm_z": 1.8713424512825945,
  "gcor": 0.0235563,
  "gsr_x": -0.018752358853816986,
  "gsr_y": 0.014758210629224777,
  "provenance": {
    "md5sum": "a10d0172ee8337d8f961d8e9ae41b887",
    "settings": {
      "fd_thres": 0.2,
      "testing": false
    },
    "software": "mriqc",
    "version": "22.0.0rc1",
    "webapi_port": null,
    "webapi_url": "https://mriqc.nimh.nih.gov/api/v1"
  },
  "size_t": 222,
  "size_x": 80,
  "size_y": 80,
  "size_z": 36,
  "snr": 5.077722239260524,
  "spacing_tr": 2.0,
  "spacing_x": 3.0,
  "spacing_y": 3.0,
  "spacing_z": 3.299999952316284,
  "summary_bg_k": 74.81961033728588,
  "summary_bg_mad": 50.54513500582127,
  "summary_bg_mean": 478.8700256347656,
  "summary_bg_median": 47.048248291015625,
  "summary_bg_n": 156583.0,
  "summary_bg_p05": 3.9074728250503545,
  "summary_bg_p95": 2288.5540527343737,
  "summary_bg_stdv": 1401.5098876953125,
  "summary_fg_k": 2.0469508524298607,
  "summary_fg_mad": 4195.046142921265,
  "summary_fg_mean": 23302.306640625,
  "summary_fg_median": 22788.25390625,
  "summary_fg_n": 34112.0,
  "summary_fg_p05": 17023.65185546875,
  "summary_fg_p95": 30657.556738281248,
  "summary_fg_stdv": 4487.8232421875,
  "tsnr": 107.75615692138672
}