{
  "aor": 0.0036708148148148147,
  "aqi": 0.002513847851851852,
  "bids_meta": {
    "AcquisitionNumber": 8,
    "BidsifyVersion": "0.3.5",
    "ConversionSoftware": "dcm2niix",
    "ConversionSoftwareVersion": "v1.0.20181125  GCC6.3.0",
    "EchoTime": 0.02763,
    "EffectiveEchoSpacing": 0.0006909035636805814,
    "FlipAngle": 76.1,
    "ImageComments": "PIOP2",
    "ImageOrientationPatientDICOM": [
      0.998908,
      0.010202,
      0.0456049,
      -0.0184824,
      0.98256,
      0.185026
    ],
    "Manufacturer": "Philips",
    "NumberOfVolumesDiscardedByScanner": 2,
    "ParallelAcquisitionTechnique": "SENSE",
    "ParallelReductionFactorInPlane": 2,
    "PatientPosition": "HFS",
    "PhaseEncodingDirection": "j",
    "PhilipsRescaleIntercept": 0,
    "PhilipsRescaleSlope": 0.79048,
    "PhilipsScaleSlope": 0.0564952,
    "ProtocolName": "WIPtask-harriri_boldSENSE",
    "PulseSequenceType": "gradient echo EPI",
    "ReconMatrixPE": 80,
    "RepetitionTime": 2,
    "SeriesDescription": "ImageMRSERIES",
    "SeriesNumber": 8,
    "SliceEncodingDirection": "k",
    "SliceTiming": [
      0.0,
      0.0556,
      0.1111,
      0.1667,
      0.2222,
      0.2778,
      0.3333,
      0.3889,
      0.4444,
      0.5,
      0.5556,
      0.6111,
      0.6667,
      0.7222,
      0.7778,
      0.8333,
      0.8889,
      0.9444,
      1.0,
      1.0556,
      1.1111,
      1.1667,
      1.2222,
      1.2778,
      1.3333,
      1.3889,
      1.4444,
      1.5,
      1.5556,
      1.6111,
      1.6667,
      1.7222,
      1.7778,
      1.8333,
      1.8889,
      1.9444
    ],
    "TaskName": "emomatching",
    "TotalReadoutTime": 0.026945238983542674,
    "UsePhilipsFloatNotDisplayScaling": 1,
    "WaterFatShift": 12,
    "acq_id": "seq",
    "dataset": "ds002790",
    "modality": "bold",
    "subject_id": "0140",
    "task_id": "emomatching"
  },
  "dummy_trs": 0,
  "dvars_nstd": 19.67881833261194,
  "dvars_std": 1.3095793405223883,
  "dvars_vstd": 1.0248715368656716,
  "efc": 0.41914895641892647,
  "fber": 225151.03125,
  "fd_mean": 0.11153323849028962,
  "fd_num": 9,
  "fd_perc": 6.666666666666667,
  "fwhm_avg": 2.0494899080284665,
  "fwhm_x": 1.9883033333333333,
  "fwhm_y": 2.2835966666666665,
  "fwhm_z": 1.8765697240853993,
  "gcor": 0.0112724,
  "gsr_x": -0.019393080845475197,
  "gsr_y": 0.014853708446025848,
  "provenance": {
    "md5sum": "fecd302a8f14645c82bdefa379b7f5b5",
    "settings": {
      "fd_thres": 0.2,
      "testing": false
    },
    "software": "mriqc",
    "version": "22.0.0rc1",
    "webapi_port": null,
    "webapi_url": "https://mriqc.nimh.nih.gov/api/v1"
  },
  "size_t": 135,
  "size_x": 80,
  "size_y": 80,
  "size_z": 36,
  "snr": 5.037803192974262,
  "spacing_tr": 2.0,
  "spacing_x": 3.0,
  "spacing_y": 3.0,
  "spacing_z": 3.299999952316284,
  "summary_bg_k": 73.44380375176092,
  "summary_bg_mad": 50.19095661520167,
  "summary_bg_mean": 487.7913513183594,
  "summary_bg_median": 47.28217315673828,
  "summary_bg_n": 156318.0,
  "summary_bg_p05": 4.340128564834595,
  "summary_bg_p95": 2331.1975585937485,
  "summary_bg_stdv": 1416.6163330078125,
  "summary_fg_k": 2.0458658503171847,
  "summary_fg_mad": 4262.979439886385,
  "summary_fg_mean": 23457.763671875,
  "summary_fg_median": 22947.48828125,
  "summary_fg_n": 34343.0,
  "summary_fg_p05": 17078.7142578125,
  "summary_fg_p95": 30913.86640625,
  "summary_fg_stdv": 4554.9921875,
  "tsnr": 100.92359924316406
}