{
  "aor": 0.0015450900900900902,
  "aqi": 0.0042712140540540535,
  "bids_meta": {
    "AcquisitionNumber": 6,
    "BidsifyVersion": "0.3.5",
    "ConversionSoftware": "dcm2niix",
    "ConversionSoftwareVersion": "v1.0.20181125  GCC6.3.0",
    "EchoTime": 0.02763,
    "EffectiveEchoSpacing": 0.0006909035636805814,
    "FlipAngle": 76.1,
    "ImageComments": "PIOP2",
    "ImageOrientationPatientDICOM": [
      0.999985,
      -0.00181925,
      -0.00509845,
      0.00017453,
      0.952182,
      -0.30553
    ],
    "Manufacturer": "Philips",
    "NumberOfVolumesDiscardedByScanner": 2,
    "ParallelAcquisitionTechnique": "SENSE",
    "ParallelReductionFactorInPlane": 2,
    "PatientPosition": "HFS",
    "PhaseEncodingDirection": "j",
    "PhilipsRescaleIntercept": 0,
    "PhilipsRescaleSlope": 0.81807,
    "PhilipsScaleSlope": 0.0726603,
    "ProtocolName": "WIPtask-stop_boldSENSE",
    "PulseSequenceType": "gradient echo EPI",
    "ReconMatrixPE": 80,
    "RepetitionTime": 2,
    "SeriesDescription": "ImageMRSERIES",
    "SeriesNumber": 6,
    "SliceEncodingDirection": "k",
    "SliceTiming": [
      0.0,
      0.0556,
      0.1111,
      0.1667,
      0.2222,
      0.2778,
      0.3333,
      0.3889,
      0.4444,
      0.5,
      0.5556,
      0.6111,
      0.6667,
      0.7222,
      0.7778,
      0.8333,
      0.8889,
      0.9444,
      1.0,
      1.0556,
      1.1111,
      1.1667,
      1.2222,
      1.2778,
      1.3333,
      1.3889,
      1.4444,
      1.5,
      1.5556,
      1.6111,
      1.6667,
      1.7222,
      1.7778,
      1.8333,
      1.8889,
      1.9444
    ],
    "TaskName": "stopsignal",
    "TotalReadoutTime": 0.026945238983542674,
    "UsePhilipsFloatNotDisplayScaling": 1,
    "WaterFatShift": 12,
    "acq_id": "seq",
    "dataset": "ds002790",
    "modality": "bold",
    "subject_id": "0035",
    "task_id": "stopsignal"
  },
  "dummy_trs": 0,
  "dvars_nstd": 23.260497606606336,
  "dvars_std": 1.2748290758371046,
  "dvars_vstd": 1.0175690369683263,
  "efc": 0.4386955393565619,
  "fber": 150604.765625,
  "fd_mean": 0.1363591364600255,
  "fd_num": 24,
  "fd_perc": 10.81081081081081,
  "fwhm_avg": 1.8251767759226645,
  "fwhm_x": 1.79474,
  "fwhm_y": 1.9687933333333334,
  "fwhm_z": 1.71199699443466,
  "gcor": 0.0143929,
  "gsr_x": -0.021457795053720474,
  "gsr_y": 0.0206645205616951,
  "provenance": {
    "md5sum": "420dd113cf870f30c447c7b864488c99",
    "settings": {
      "fd_thres": 0.2,
      "testing": false
    },
    "software": "mriqc",
    "version": "22.0.0rc1",
    "webapi_port": null,
    "webapi_url": "https://mriqc.nimh.nih.gov/api/v1"
  },
  "size_t": 222,
  "size_x": 80,
  "size_y": 80,
  "size_z": 36,
  "snr": 5.878148356876108,
  "spacing_tr": 2.0,
  "spacing_x": 3.0,
  "spacing_y": 3.0,
  "spacing_z": 3.299999952316284,
  "summary_bg_k": 59.92298106818715,
  "summary_bg_mad": 49.25262014603444,
  "summary_bg_mean": 573.141357421875,
  "summary_bg_median": 48.10716247558594,
  "summary_bg_n": 155142.0,
  "summary_bg_p05": 7.662539029121399,
  "summary_bg_p95": 3176.7346435546765,
  "summary_bg_stdv": 1534.4058837890625,
  "summary_fg_k": 2.2623420757962407,
  "summary_fg_mad": 3044.532342823628,
  "summary_fg_mean": 19493.013671875,
  "summary_fg_median": 19099.51171875,
  "summary_fg_n": 34674.0,
  "summary_fg_p05": 15209.295703125,
  "summary_fg_p95": 24930.872265625,
  "summary_fg_stdv": 3249.192626953125,
  "tsnr": 87.01219177246094
}