{
  "aor": 0.00284275,
  "aqi": 0.0057594809374999995,
  "bids_meta": {
    "AcquisitionNumber": 3,
    "BidsifyVersion": "0.3.5",
    "ConversionSoftware": "dcm2niix",
    "ConversionSoftwareVersion": "v1.0.20181125  GCC6.3.0",
    "EchoTime": 0.02763,
    "EffectiveEchoSpacing": 0.0006909035636805814,
    "FlipAngle": 76.1,
    "ImageComments": "PIOP2",
    "ImageOrientationPatientDICOM": [
      0.999985,
      -0.00181925,
      -0.00509845,
      0.00017453,
      0.952182,
      -0.30553
    ],
    "Manufacturer": "Philips",
    "NumberOfVolumesDiscardedByScanner": 2,
    "ParallelAcquisitionTechnique": "SENSE",
    "ParallelReductionFactorInPlane": 2,
    "PatientPosition": "HFS",
    "PhaseEncodingDirection": "j",
    "PhilipsRescaleIntercept": 0,
    "PhilipsRescaleSlope": 0.77973,
    "PhilipsScaleSlope": 0.0737982,
    "ProtocolName": "WIPtask-wm_boldSENSE",
    "PulseSequenceType": "gradient echo EPI",
    "ReconMatrixPE": 80,
    "RepetitionTime": 2,
    "SeriesDescription": "ImageMRSERIES",
    "SeriesNumber": 3,
    "SliceEncodingDirection": "k",
    "SliceTiming": [
      0.0,
      0.0556,
      0.1111,
      0.1667,
      0.2222,
      0.2778,
      0.3333,
      0.3889,
      0.4444,
      0.5,
      0.5556,
      0.6111,
      0.6667,
      0.7222,
      0.7778,
      0.8333,
      0.8889,
      0.9444,
      1.0,
      1.0556,
      1.1111,
      1.1667,
      1.2222,
      1.2778,
      1.3333,
      1.3889,
      1.4444,
      1.5,
      1.5556,
      1.6111,
      1.6667,
      1.7222,
      1.7778,
      1.8333,
      1.8889,
      1.9444
    ],
    "TaskName": "workingmemory",
    "TotalReadoutTime": 0.026945238983542674,
    "UsePhilipsFloatNotDisplayScaling": 1,
    "WaterFatShift": 12,
    "acq_id": "seq",
    "dataset": "ds002790",
    "modality": "bold",
    "subject_id": "0035",
    "task_id": "workingmemory"
  },
  "dummy_trs": 0,
  "dvars_nstd": 22.91449335685535,
  "dvars_std": 1.2390564995597484,
  "dvars_vstd": 1.001798471006289,
  "efc": 0.4382547805303975,
  "fber": 147790.171875,
  "fd_mean": 0.14037678905295362,
  "fd_num": 21,
  "fd_perc": 13.125,
  "fwhm_avg": 1.833553240631452,
  "fwhm_x": 1.8014700000000001,
  "fwhm_y": 1.9742533333333334,
  "fwhm_z": 1.7249363885610232,
  "gcor": 0.0149253,
  "gsr_x": -0.021388404071331024,
  "gsr_y": 0.019724661484360695,
  "provenance": {
    "md5sum": "1fde170c71ed4e7343deb56cbe2782a1",
    "settings": {
      "fd_thres": 0.2,
      "testing": false
    },
    "software": "mriqc",
    "version": "22.0.0rc1",
    "webapi_port": null,
    "webapi_url": "https://mriqc.nimh.nih.gov/api/v1"
  },
  "size_t": 160,
  "size_x": 80,
  "size_y": 80,
  "size_z": 36,
  "snr": 5.847583518857945,
  "spacing_tr": 2.0,
  "spacing_x": 3.0,
  "spacing_y": 3.0,
  "spacing_z": 3.299999952316284,
  "summary_bg_k": 52.45519752718964,
  "summary_bg_mad": 50.44630555657964,
  "summary_bg_mean": 569.08203125,
  "summary_bg_median": 49.336219787597656,
  "summary_bg_n": 155168.0,
  "summary_bg_p05": 7.974107170104981,
  "summary_bg_p95": 3175.7967407226524,
  "summary_bg_stdv": 1487.6978759765625,
  "summary_fg_k": 2.0870410939442205,
  "summary_fg_mad": 3122.096762794118,
  "summary_fg_mean": 19741.3046875,
  "summary_fg_median": 19364.296875,
  "summary_fg_n": 34629.0,
  "summary_fg_p05": 15350.0619140625,
  "summary_fg_p95": 25267.401953124994,
  "summary_fg_stdv": 3311.456298828125,
  "tsnr": 75.63377380371094
}