{
  "aor": 0.0023122962962962962,
  "aqi": 0.0041994911851851845,
  "bids_meta": {
    "AcquisitionNumber": 7,
    "BidsifyVersion": "0.3.5",
    "ConversionSoftware": "dcm2niix",
    "ConversionSoftwareVersion": "v1.0.20181125  GCC6.3.0",
    "EchoTime": 0.02763,
    "EffectiveEchoSpacing": 0.0006909035636805814,
    "FlipAngle": 76.1,
    "ImageComments": "PIOP2",
    "ImageOrientationPatientDICOM": [
      0.999985,
      -0.00181925,
      -0.00509845,
      0.00017453,
      0.952182,
      -0.30553
    ],
    "Manufacturer": "Philips",
    "NumberOfVolumesDiscardedByScanner": 2,
    "ParallelAcquisitionTechnique": "SENSE",
    "ParallelReductionFactorInPlane": 2,
    "PatientPosition": "HFS",
    "PhaseEncodingDirection": "j",
    "PhilipsRescaleIntercept": 0,
    "PhilipsRescaleSlope": 0.76313,
    "PhilipsScaleSlope": 0.0739652,
    "ProtocolName": "WIPtask-harriri_boldSENSE",
    "PulseSequenceType": "gradient echo EPI",
    "ReconMatrixPE": 80,
    "RepetitionTime": 2,
    "SeriesDescription": "ImageMRSERIES",
    "SeriesNumber": 7,
    "SliceEncodingDirection": "k",
    "SliceTiming": [
      0.0,
      0.0556,
      0.1111,
      0.1667,
      0.2222,
      0.2778,
      0.3333,
      0.3889,
      0.4444,
      0.5,
      0.5556,
      0.6111,
      0.6667,
      0.7222,
      0.7778,
      0.8333,
      0.8889,
      0.9444,
      1.0,
      1.0556,
      1.1111,
      1.1667,
      1.2222,
      1.2778,
      1.3333,
      1.3889,
      1.4444,
      1.5,
      1.5556,
      1.6111,
      1.6667,
      1.7222,
      1.7778,
      1.8333,
      1.8889,
      1.9444
    ],
    "TaskName": "emomatching",
    "TotalReadoutTime": 0.026945238983542674,
    "UsePhilipsFloatNotDisplayScaling": 1,
    "WaterFatShift": 12,
    "acq_id": "seq",
    "dataset": "ds002790",
    "modality": "bold",
    "subject_id": "0035",
    "task_id": "emomatching"
  },
  "dummy_trs": 0,
  "dvars_nstd": 22.727310124029867,
  "dvars_std": 1.2723752956716416,
  "dvars_vstd": 1.0233544117164177,
  "efc": 0.4381688531555023,
  "fber": 152557.71875,
  "fd_mean": 0.13858202904641395,
  "fd_num": 13,
  "fd_perc": 9.62962962962963,
  "fwhm_avg": 1.8323249577337235,
  "fwhm_x": 1.81267,
  "fwhm_y": 1.9737866666666666,
  "fwhm_z": 1.7105182065345041,
  "gcor": 0.012269,
  "gsr_x": -0.02094443514943123,
  "gsr_y": 0.019407492130994797,
  "provenance": {
    "md5sum": "9d9bdf55287debe728c9547f7450ac99",
    "settings": {
      "fd_thres": 0.2,
      "testing": false
    },
    "software": "mriqc",
    "version": "22.0.0rc1",
    "webapi_port": null,
    "webapi_url": "https://mriqc.nimh.nih.gov/api/v1"
  },
  "size_t": 135,
  "size_x": 80,
  "size_y": 80,
  "size_z": 36,
  "snr": 5.89335619721138,
  "spacing_tr": 2.0,
  "spacing_x": 3.0,
  "spacing_y": 3.0,
  "spacing_z": 3.299999952316284,
  "summary_bg_k": 55.16090813640744,
  "summary_bg_mad": 49.72375655678093,
  "summary_bg_mean": 579.9049072265625,
  "summary_bg_median": 48.41200637817383,
  "summary_bg_n": 155321.0,
  "summary_bg_p05": 7.5363450050354,
  "summary_bg_p95": 3200.851806640625,
  "summary_bg_stdv": 1558.189453125,
  "summary_fg_k": 2.274774701402145,
  "summary_fg_mad": 3080.647606240038,
  "summary_fg_mean": 19671.78125,
  "summary_fg_median": 19300.583984375,
  "summary_fg_n": 34664.0,
  "summary_fg_p05": 15376.2439453125,
  "summary_fg_p95": 25176.461523437498,
  "summary_fg_stdv": 3274.926025390625,
  "tsnr": 86.73308563232422
}