{
  "aor": 0.0025035625,
  "aqi": 0.001966941375,
  "bids_meta": {
    "AcquisitionNumber": 3,
    "BidsifyVersion": "0.3.5",
    "ConversionSoftware": "dcm2niix",
    "ConversionSoftwareVersion": "v1.0.20181125  GCC6.3.0",
    "EchoTime": 0.02763,
    "EffectiveEchoSpacing": 0.0006909035636805814,
    "FlipAngle": 76.1,
    "ImageComments": "PIOP2",
    "ImageOrientationPatientDICOM": [
      0.999577,
      0.0202513,
      -0.0208595,
      -0.0172732,
      0.990805,
      0.134194
    ],
    "Manufacturer": "Philips",
    "NumberOfVolumesDiscardedByScanner": 2,
    "ParallelAcquisitionTechnique": "SENSE",
    "ParallelReductionFactorInPlane": 2,
    "PatientPosition": "HFS",
    "PhaseEncodingDirection": "j",
    "PhilipsRescaleIntercept": 0,
    "PhilipsRescaleSlope": 0.85543,
    "PhilipsScaleSlope": 0.0494393,
    "ProtocolName": "WIPtask-wm_boldSENSE",
    "PulseSequenceType": "gradient echo EPI",
    "ReconMatrixPE": 80,
    "RepetitionTime": 2,
    "SeriesDescription": "ImageMRSERIES",
    "SeriesNumber": 3,
    "SliceEncodingDirection": "k",
    "SliceTiming": [
      0.0,
      0.0556,
      0.1111,
      0.1667,
      0.2222,
      0.2778,
      0.3333,
      0.3889,
      0.4444,
      0.5,
      0.5556,
      0.6111,
      0.6667,
      0.7222,
      0.7778,
      0.8333,
      0.8889,
      0.9444,
      1.0,
      1.0556,
      1.1111,
      1.1667,
      1.2222,
      1.2778,
      1.3333,
      1.3889,
      1.4444,
      1.5,
      1.5556,
      1.6111,
      1.6667,
      1.7222,
      1.7778,
      1.8333,
      1.8889,
      1.9444
    ],
    "TaskName": "workingmemory",
    "TotalReadoutTime": 0.026945238983542674,
    "UsePhilipsFloatNotDisplayScaling": 1,
    "WaterFatShift": 12,
    "acq_id": "seq",
    "dataset": "ds002790",
    "modality": "bold",
    "subject_id": "0180",
    "task_id": "workingmemory"
  },
  "dummy_trs": 0,
  "dvars_nstd": 13.979175496163528,
  "dvars_std": 1.1544182391194964,
  "dvars_vstd": 1.017262376289308,
  "efc": 0.4168514495470275,
  "fber": 253286.609375,
  "fd_mean": 0.06559399012029868,
  "fd_num": 1,
  "fd_perc": 0.625,
  "fwhm_avg": 2.340367182242677,
  "fwhm_x": 2.2904033333333333,
  "fwhm_y": 2.5454133333333333,
  "fwhm_z": 2.1852848800613645,
  "gcor": 0.0178697,
  "gsr_x": -0.016053497791290283,
  "gsr_y": 0.009677612222731113,
  "provenance": {
    "md5sum": "f9aa5f2c896d2fd7e9dc956a104a9f55",
    "settings": {
      "fd_thres": 0.2,
      "testing": false
    },
    "software": "mriqc",
    "version": "22.0.0rc1",
    "webapi_port": null,
    "webapi_url": "https://mriqc.nimh.nih.gov/api/v1"
  },
  "size_t": 160,
  "size_x": 80,
  "size_y": 80,
  "size_z": 36,
  "snr": 5.597749765907465,
  "spacing_tr": 2.0,
  "spacing_x": 3.0,
  "spacing_y": 3.0,
  "spacing_z": 3.299999952316284,
  "summary_bg_k": 52.288007008635496,
  "summary_bg_mad": 57.47237420523075,
  "summary_bg_mean": 503.0473937988281,
  "summary_bg_median": 50.40700149536133,
  "summary_bg_n": 156631.0,
  "summary_bg_p05": 3.214704155921936,
  "summary_bg_p95": 2325.0631103515625,
  "summary_bg_stdv": 1527.4593505859375,
  "summary_fg_k": 1.3971336039458855,
  "summary_fg_mad": 4192.017232920177,
  "summary_fg_mean": 26270.998046875,
  "summary_fg_median": 25989.484375,
  "summary_fg_n": 33597.0,
  "summary_fg_p05": 19002.538671875,
  "summary_fg_p95": 34065.897656249996,
  "summary_fg_stdv": 4642.77587890625,
  "tsnr": 118.82304382324219
}