{
  "aor": 0.001794102564102564,
  "aqi": 0.0028569711965811964,
  "bids_meta": {
    "AcquisitionNumber": 7,
    "BidsifyVersion": "0.3.5",
    "ConversionSoftware": "dcm2niix",
    "ConversionSoftwareVersion": "v1.0.20181125  GCC6.3.0",
    "EchoTime": 0.02763,
    "EffectiveEchoSpacing": 0.0006909035636805814,
    "FlipAngle": 76.1,
    "ImageComments": "PIOP2",
    "ImageOrientationPatientDICOM": [
      0.999577,
      0.0202513,
      -0.0208595,
      -0.0172732,
      0.990805,
      0.134194
    ],
    "Manufacturer": "Philips",
    "NumberOfVolumesDiscardedByScanner": 2,
    "ParallelAcquisitionTechnique": "SENSE",
    "ParallelReductionFactorInPlane": 2,
    "PatientPosition": "HFS",
    "PhaseEncodingDirection": "j",
    "PhilipsRescaleIntercept": 0,
    "PhilipsRescaleSlope": 0.80049,
    "PhilipsScaleSlope": 0.0548401,
    "ProtocolName": "WIPtask-stop_boldSENSE",
    "PulseSequenceType": "gradient echo EPI",
    "ReconMatrixPE": 80,
    "RepetitionTime": 2,
    "SeriesDescription": "ImageMRSERIES",
    "SeriesNumber": 7,
    "SliceEncodingDirection": "k",
    "SliceTiming": [
      0.0,
      0.0556,
      0.1111,
      0.1667,
      0.2222,
      0.2778,
      0.3333,
      0.3889,
      0.4444,
      0.5,
      0.5556,
      0.6111,
      0.6667,
      0.7222,
      0.7778,
      0.8333,
      0.8889,
      0.9444,
      1.0,
      1.0556,
      1.1111,
      1.1667,
      1.2222,
      1.2778,
      1.3333,
      1.3889,
      1.4444,
      1.5,
      1.5556,
      1.6111,
      1.6667,
      1.7222,
      1.7778,
      1.8333,
      1.8889,
      1.9444
    ],
    "TaskName": "stopsignal",
    "TotalReadoutTime": 0.026945238983542674,
    "UsePhilipsFloatNotDisplayScaling": 1,
    "WaterFatShift": 12,
    "acq_id": "seq",
    "dataset": "ds002790",
    "modality": "bold",
    "subject_id": "0180",
    "task_id": "stopsignal"
  },
  "dummy_trs": 0,
  "dvars_nstd": 14.225201619184546,
  "dvars_std": 1.1536955709012868,
  "dvars_vstd": 1.0065521091845495,
  "efc": 0.41818184093101174,
  "fber": 236693.125,
  "fd_mean": 0.07071127367504994,
  "fd_num": 2,
  "fd_perc": 0.8547008547008547,
  "fwhm_avg": 2.320078192219756,
  "fwhm_x": 2.2714733333333332,
  "fwhm_y": 2.5292066666666666,
  "fwhm_z": 2.1595545766592688,
  "gcor": 0.0210978,
  "gsr_x": -0.015828246250748634,
  "gsr_y": 0.010126513428986073,
  "provenance": {
    "md5sum": "ab6375a082f2c47ddb55b1390ffa4ba5",
    "settings": {
      "fd_thres": 0.2,
      "testing": false
    },
    "software": "mriqc",
    "version": "22.0.0rc1",
    "webapi_port": null,
    "webapi_url": "https://mriqc.nimh.nih.gov/api/v1"
  },
  "size_t": 234,
  "size_x": 80,
  "size_y": 80,
  "size_z": 36,
  "snr": 5.80320608234729,
  "spacing_tr": 2.0,
  "spacing_x": 3.0,
  "spacing_y": 3.0,
  "spacing_z": 3.299999952316284,
  "summary_bg_k": 52.03588674868642,
  "summary_bg_mad": 56.471608941437594,
  "summary_bg_mean": 499.5452575683594,
  "summary_bg_median": 50.7673225402832,
  "summary_bg_n": 156621.0,
  "summary_bg_p05": 4.096075534820557,
  "summary_bg_p95": 2290.73779296875,
  "summary_bg_stdv": 1504.948486328125,
  "summary_fg_k": 1.396150470651449,
  "summary_fg_mad": 3971.859490594469,
  "summary_fg_mean": 25583.904296875,
  "summary_fg_median": 25347.982421875,
  "summary_fg_n": 33589.0,
  "summary_fg_p05": 18768.098046875,
  "summary_fg_p95": 32884.94375,
  "summary_fg_stdv": 4367.8623046875,
  "tsnr": 106.53803253173828
}