{
  "aor": 0.0016708749999999998,
  "aqi": 0.0020443077916666667,
  "bids_meta": {
    "AcquisitionNumber": 4,
    "BidsifyVersion": "0.3.5",
    "ConversionSoftware": "dcm2niix",
    "ConversionSoftwareVersion": "v1.0.20181125  GCC6.3.0",
    "EchoTime": 0.02763,
    "EffectiveEchoSpacing": 0.0006909035636805814,
    "FlipAngle": 76.1,
    "ImageComments": "PIOP2",
    "ImageOrientationPatientDICOM": [
      0.999577,
      0.0202513,
      -0.0208595,
      -0.0172732,
      0.990805,
      0.134194
    ],
    "Manufacturer": "Philips",
    "NumberOfVolumesDiscardedByScanner": 2,
    "ParallelAcquisitionTechnique": "SENSE",
    "ParallelReductionFactorInPlane": 2,
    "PatientPosition": "HFS",
    "PhaseEncodingDirection": "j",
    "PhilipsRescaleIntercept": 0,
    "PhilipsRescaleSlope": 0.82711,
    "PhilipsScaleSlope": 0.0512409,
    "ProtocolName": "WIPtask-rest_boldSENSE",
    "PulseSequenceType": "gradient echo EPI",
    "ReconMatrixPE": 80,
    "RepetitionTime": 2,
    "SeriesDescription": "ImageMRSERIES",
    "SeriesNumber": 4,
    "SliceEncodingDirection": "k",
    "SliceTiming": [
      0.0,
      0.0556,
      0.1111,
      0.1667,
      0.2222,
      0.2778,
      0.3333,
      0.3889,
      0.4444,
      0.5,
      0.5556,
      0.6111,
      0.6667,
      0.7222,
      0.7778,
      0.8333,
      0.8889,
      0.9444,
      1.0,
      1.0556,
      1.1111,
      1.1667,
      1.2222,
      1.2778,
      1.3333,
      1.3889,
      1.4444,
      1.5,
      1.5556,
      1.6111,
      1.6667,
      1.7222,
      1.7778,
      1.8333,
      1.8889,
      1.9444
    ],
    "TaskName": "restingstate",
    "TotalReadoutTime": 0.026945238983542674,
    "UsePhilipsFloatNotDisplayScaling": 1,
    "WaterFatShift": 12,
    "acq_id": "seq",
    "dataset": "ds002790",
    "modality": "bold",
    "subject_id": "0180",
    "task_id": "restingstate"
  },
  "dummy_trs": 0,
  "dvars_nstd": 14.242197838702934,
  "dvars_std": 1.1610692507531377,
  "dvars_vstd": 1.0119451384518832,
  "efc": 0.41744404360994347,
  "fber": 247213.859375,
  "fd_mean": 0.07878398818401047,
  "fd_num": 2,
  "fd_perc": 0.8333333333333334,
  "fwhm_avg": 2.326053949844613,
  "fwhm_x": 2.273163333333333,
  "fwhm_y": 2.53525,
  "fwhm_z": 2.1697485162005066,
  "gcor": 0.0228425,
  "gsr_x": -0.015981806442141533,
  "gsr_y": 0.009914564900100231,
  "provenance": {
    "md5sum": "8fceeb569439353d8e96a05686115a4c",
    "settings": {
      "fd_thres": 0.2,
      "testing": false
    },
    "software": "mriqc",
    "version": "22.0.0rc1",
    "webapi_port": null,
    "webapi_url": "https://mriqc.nimh.nih.gov/api/v1"
  },
  "size_t": 240,
  "size_x": 80,
  "size_y": 80,
  "size_z": 36,
  "snr": 5.684207184406442,
  "spacing_tr": 2.0,
  "spacing_x": 3.0,
  "spacing_y": 3.0,
  "spacing_z": 3.299999952316284,
  "summary_bg_k": 51.22018211447657,
  "summary_bg_mad": 57.47937098665457,
  "summary_bg_mean": 502.31884765625,
  "summary_bg_median": 50.417633056640625,
  "summary_bg_n": 156658.0,
  "summary_bg_p05": 3.2912464499473573,
  "summary_bg_p95": 2332.5673950195273,
  "summary_bg_stdv": 1515.3642578125,
  "summary_fg_k": 1.4213308623143286,
  "summary_fg_mad": 4091.4145644136897,
  "summary_fg_mean": 25916.044921875,
  "summary_fg_median": 25663.498046875,
  "summary_fg_n": 33567.0,
  "summary_fg_p05": 18803.3404296875,
  "summary_fg_p95": 33479.007421874994,
  "summary_fg_stdv": 4514.81005859375,
  "tsnr": 117.66429901123047
}