{
  "aor": 0.002370592592592592,
  "aqi": 0.0020568373333333333,
  "bids_meta": {
    "AcquisitionNumber": 8,
    "BidsifyVersion": "0.3.5",
    "ConversionSoftware": "dcm2niix",
    "ConversionSoftwareVersion": "v1.0.20181125  GCC6.3.0",
    "EchoTime": 0.02763,
    "EffectiveEchoSpacing": 0.0006909035636805814,
    "FlipAngle": 76.1,
    "ImageComments": "PIOP2",
    "ImageOrientationPatientDICOM": [
      0.999577,
      0.0202513,
      -0.0208595,
      -0.0172732,
      0.990805,
      0.134194
    ],
    "Manufacturer": "Philips",
    "NumberOfVolumesDiscardedByScanner": 2,
    "ParallelAcquisitionTechnique": "SENSE",
    "ParallelReductionFactorInPlane": 2,
    "PatientPosition": "HFS",
    "PhaseEncodingDirection": "j",
    "PhilipsRescaleIntercept": 0,
    "PhilipsRescaleSlope": 0.82076,
    "PhilipsScaleSlope": 0.0546957,
    "ProtocolName": "WIPtask-harriri_boldSENSE",
    "PulseSequenceType": "gradient echo EPI",
    "ReconMatrixPE": 80,
    "RepetitionTime": 2,
    "SeriesDescription": "ImageMRSERIES",
    "SeriesNumber": 8,
    "SliceEncodingDirection": "k",
    "SliceTiming": [
      0.0,
      0.0556,
      0.1111,
      0.1667,
      0.2222,
      0.2778,
      0.3333,
      0.3889,
      0.4444,
      0.5,
      0.5556,
      0.6111,
      0.6667,
      0.7222,
      0.7778,
      0.8333,
      0.8889,
      0.9444,
      1.0,
      1.0556,
      1.1111,
      1.1667,
      1.2222,
      1.2778,
      1.3333,
      1.3889,
      1.4444,
      1.5,
      1.5556,
      1.6111,
      1.6667,
      1.7222,
      1.7778,
      1.8333,
      1.8889,
      1.9444
    ],
    "TaskName": "emomatching",
    "TotalReadoutTime": 0.026945238983542674,
    "UsePhilipsFloatNotDisplayScaling": 1,
    "WaterFatShift": 12,
    "acq_id": "seq",
    "dataset": "ds002790",
    "modality": "bold",
    "subject_id": "0180",
    "task_id": "emomatching"
  },
  "dummy_trs": 0,
  "dvars_nstd": 14.267172727761192,
  "dvars_std": 1.1687944615671646,
  "dvars_vstd": 1.0208610292537312,
  "efc": 0.4179503807586549,
  "fber": 236350.65625,
  "fd_mean": 0.08710314218491938,
  "fd_num": 5,
  "fd_perc": 3.7037037037037037,
  "fwhm_avg": 2.308038697187986,
  "fwhm_x": 2.25819,
  "fwhm_y": 2.5234533333333333,
  "fwhm_z": 2.1424727582306247,
  "gcor": 0.0342996,
  "gsr_x": -0.01568123698234558,
  "gsr_y": 0.009234626777470112,
  "provenance": {
    "md5sum": "876f146594c5317683dcb19c70aa78db",
    "settings": {
      "fd_thres": 0.2,
      "testing": false
    },
    "software": "mriqc",
    "version": "22.0.0rc1",
    "webapi_port": null,
    "webapi_url": "https://mriqc.nimh.nih.gov/api/v1"
  },
  "size_t": 135,
  "size_x": 80,
  "size_y": 80,
  "size_z": 36,
  "snr": 5.823961640154334,
  "spacing_tr": 2.0,
  "spacing_x": 3.0,
  "spacing_y": 3.0,
  "spacing_z": 3.299999952316284,
  "summary_bg_k": 49.18591742272541,
  "summary_bg_mad": 57.06060403913261,
  "summary_bg_mean": 500.3800964355469,
  "summary_bg_median": 50.80579376220703,
  "summary_bg_n": 156866.0,
  "summary_bg_p05": 3.8618667125701904,
  "summary_bg_p95": 2281.589111328125,
  "summary_bg_stdv": 1500.89794921875,
  "summary_fg_k": 1.3469431660211857,
  "summary_fg_mad": 3938.9946587996856,
  "summary_fg_mean": 25499.220703125,
  "summary_fg_median": 25252.625,
  "summary_fg_n": 33524.0,
  "summary_fg_p05": 18715.3478515625,
  "summary_fg_p95": 32729.69208984375,
  "summary_fg_stdv": 4335.9228515625,
  "tsnr": 117.44609069824219
}