{
  "aor": 0.002577925925925926,
  "aqi": 0.007099728222222223,
  "bids_meta": {
    "AcquisitionNumber": 8,
    "BidsifyVersion": "0.3.5",
    "ConversionSoftware": "dcm2niix",
    "ConversionSoftwareVersion": "v1.0.20181125  GCC6.3.0",
    "EchoTime": 0.02763,
    "EffectiveEchoSpacing": 0.0006909035636805814,
    "FlipAngle": 76.1,
    "ImageComments": "PIOP2",
    "ImageOrientationPatientDICOM": [
      0.998072,
      -0.0603124,
      0.0146364,
      0.0617441,
      0.941062,
      -0.33255
    ],
    "Manufacturer": "Philips",
    "NumberOfVolumesDiscardedByScanner": 2,
    "ParallelAcquisitionTechnique": "SENSE",
    "ParallelReductionFactorInPlane": 2,
    "PatientPosition": "HFS",
    "PhaseEncodingDirection": "j",
    "PhilipsRescaleIntercept": 0,
    "PhilipsRescaleSlope": 0.79463,
    "PhilipsScaleSlope": 0.0585608,
    "ProtocolName": "WIPtask-harriri_boldSENSE",
    "PulseSequenceType": "gradient echo EPI",
    "ReconMatrixPE": 80,
    "RepetitionTime": 2,
    "SeriesDescription": "ImageMRSERIES",
    "SeriesNumber": 8,
    "SliceEncodingDirection": "k",
    "SliceTiming": [
      0.0,
      0.0556,
      0.1111,
      0.1667,
      0.2222,
      0.2778,
      0.3333,
      0.3889,
      0.4444,
      0.5,
      0.5556,
      0.6111,
      0.6667,
      0.7222,
      0.7778,
      0.8333,
      0.8889,
      0.9444,
      1.0,
      1.0556,
      1.1111,
      1.1667,
      1.2222,
      1.2778,
      1.3333,
      1.3889,
      1.4444,
      1.5,
      1.5556,
      1.6111,
      1.6667,
      1.7222,
      1.7778,
      1.8333,
      1.8889,
      1.9444
    ],
    "TaskName": "emomatching",
    "TotalReadoutTime": 0.026945238983542674,
    "UsePhilipsFloatNotDisplayScaling": 1,
    "WaterFatShift": 12,
    "acq_id": "seq",
    "dataset": "ds002790",
    "modality": "bold",
    "subject_id": "0019",
    "task_id": "emomatching"
  },
  "dummy_trs": 0,
  "dvars_nstd": 20.452798231567154,
  "dvars_std": 1.3212266353731348,
  "dvars_vstd": 0.9888663721641785,
  "efc": 0.40127956379588064,
  "fber": 310014.71875,
  "fd_mean": 0.15174718081986055,
  "fd_num": 27,
  "fd_perc": 20.0,
  "fwhm_avg": 1.9221480896356253,
  "fwhm_x": 1.8966166666666666,
  "fwhm_y": 2.03707,
  "fwhm_z": 1.83275760224021,
  "gcor": 0.0337397,
  "gsr_x": -0.022182080894708633,
  "gsr_y": 0.006162167992442846,
  "provenance": {
    "md5sum": "5d55c6940f5b4de1998990227e74ba90",
    "settings": {
      "fd_thres": 0.2,
      "testing": false
    },
    "software": "mriqc",
    "version": "22.0.0rc1",
    "webapi_port": null,
    "webapi_url": "https://mriqc.nimh.nih.gov/api/v1"
  },
  "size_t": 135,
  "size_x": 80,
  "size_y": 80,
  "size_z": 36,
  "snr": 6.791693081875962,
  "spacing_tr": 2.0,
  "spacing_x": 3.0,
  "spacing_y": 3.0,
  "spacing_z": 3.299999952316284,
  "summary_bg_k": 110.4519652447779,
  "summary_bg_mad": 44.758960076033475,
  "summary_bg_mean": 508.07952880859375,
  "summary_bg_median": 44.6627197265625,
  "summary_bg_n": 160819.0,
  "summary_bg_p05": 5.445557689666749,
  "summary_bg_p95": 2448.1144042968763,
  "summary_bg_stdv": 1546.68359375,
  "summary_fg_k": 1.2628481994969398,
  "summary_fg_mad": 3657.6057344204423,
  "summary_fg_mean": 26160.1015625,
  "summary_fg_median": 25822.43359375,
  "summary_fg_n": 30043.0,
  "summary_fg_p05": 20676.1564453125,
  "summary_fg_p95": 32550.373632812494,
  "summary_fg_stdv": 3801.998046875,
  "tsnr": 78.86312866210938
}