{
  "aor": 0.002278122270742358,
  "aqi": 0.00437826192139738,
  "bids_meta": {
    "AcquisitionNumber": 7,
    "BidsifyVersion": "0.3.5",
    "ConversionSoftware": "dcm2niix",
    "ConversionSoftwareVersion": "v1.0.20181125  GCC6.3.0",
    "EchoTime": 0.02763,
    "EffectiveEchoSpacing": 0.0006909035636805814,
    "FlipAngle": 76.1,
    "ImageComments": "PIOP2",
    "ImageOrientationPatientDICOM": [
      0.998072,
      -0.0603124,
      0.0146364,
      0.0617441,
      0.941062,
      -0.33255
    ],
    "Manufacturer": "Philips",
    "NumberOfVolumesDiscardedByScanner": 2,
    "ParallelAcquisitionTechnique": "SENSE",
    "ParallelReductionFactorInPlane": 2,
    "PatientPosition": "HFS",
    "PhaseEncodingDirection": "j",
    "PhilipsRescaleIntercept": 0,
    "PhilipsRescaleSlope": 0.75385,
    "PhilipsScaleSlope": 0.0608818,
    "ProtocolName": "WIPtask-stop_boldSENSE",
    "PulseSequenceType": "gradient echo EPI",
    "ReconMatrixPE": 80,
    "RepetitionTime": 2,
    "SeriesDescription": "ImageMRSERIES",
    "SeriesNumber": 7,
    "SliceEncodingDirection": "k",
    "SliceTiming": [
      0.0,
      0.0556,
      0.1111,
      0.1667,
      0.2222,
      0.2778,
      0.3333,
      0.3889,
      0.4444,
      0.5,
      0.5556,
      0.6111,
      0.6667,
      0.7222,
      0.7778,
      0.8333,
      0.8889,
      0.9444,
      1.0,
      1.0556,
      1.1111,
      1.1667,
      1.2222,
      1.2778,
      1.3333,
      1.3889,
      1.4444,
      1.5,
      1.5556,
      1.6111,
      1.6667,
      1.7222,
      1.7778,
      1.8333,
      1.8889,
      1.9444
    ],
    "TaskName": "stopsignal",
    "TotalReadoutTime": 0.026945238983542674,
    "UsePhilipsFloatNotDisplayScaling": 1,
    "WaterFatShift": 12,
    "acq_id": "seq",
    "dataset": "ds002790",
    "modality": "bold",
    "subject_id": "0019",
    "task_id": "stopsignal"
  },
  "dummy_trs": 0,
  "dvars_nstd": 19.61236826157895,
  "dvars_std": 1.3438006367543862,
  "dvars_vstd": 1.0113398872807018,
  "efc": 0.40143436488641576,
  "fber": 308683.34375,
  "fd_mean": 0.14615677803308683,
  "fd_num": 34,
  "fd_perc": 14.847161572052402,
  "fwhm_avg": 1.9303339483203399,
  "fwhm_x": 1.9039433333333333,
  "fwhm_y": 2.033776666666667,
  "fwhm_z": 1.8532818449610196,
  "gcor": 0.0334446,
  "gsr_x": -0.021891342476010323,
  "gsr_y": 0.005969725549221039,
  "provenance": {
    "md5sum": "04ecc43c2c87bb5cc7bf6cdb3e0410a7",
    "settings": {
      "fd_thres": 0.2,
      "testing": false
    },
    "software": "mriqc",
    "version": "22.0.0rc1",
    "webapi_port": null,
    "webapi_url": "https://mriqc.nimh.nih.gov/api/v1"
  },
  "size_t": 229,
  "size_x": 80,
  "size_y": 80,
  "size_z": 36,
  "snr": 6.7521162079022155,
  "spacing_tr": 2.0,
  "spacing_x": 3.0,
  "spacing_y": 3.0,
  "spacing_z": 3.299999952316284,
  "summary_bg_k": 114.6173798087737,
  "summary_bg_mad": 44.76211665166826,
  "summary_bg_mean": 511.0704650878906,
  "summary_bg_median": 45.04783630371094,
  "summary_bg_n": 160648.0,
  "summary_bg_p05": 5.308207583427429,
  "summary_bg_p95": 2442.035498046875,
  "summary_bg_stdv": 1579.2181396484375,
  "summary_fg_k": 1.2912969453698615,
  "summary_fg_mad": 3690.9758671666505,
  "summary_fg_mean": 26333.955078125,
  "summary_fg_median": 25995.716796875,
  "summary_fg_n": 30199.0,
  "summary_fg_p05": 20759.7453125,
  "summary_fg_p95": 32741.13203125,
  "summary_fg_stdv": 3849.946533203125,
  "tsnr": 95.74373626708984
}