{
  "aor": 0.0025006250000000002,
  "aqi": 0.005517646499999999,
  "bids_meta": {
    "AcquisitionNumber": 3,
    "BidsifyVersion": "0.3.5",
    "ConversionSoftware": "dcm2niix",
    "ConversionSoftwareVersion": "v1.0.20181125  GCC6.3.0",
    "EchoTime": 0.02763,
    "EffectiveEchoSpacing": 0.0006909035636805814,
    "FlipAngle": 76.1,
    "ImageComments": "PIOP2",
    "ImageOrientationPatientDICOM": [
      0.998072,
      -0.0603124,
      0.0146364,
      0.0617441,
      0.941062,
      -0.33255
    ],
    "Manufacturer": "Philips",
    "NumberOfVolumesDiscardedByScanner": 2,
    "ParallelAcquisitionTechnique": "SENSE",
    "ParallelReductionFactorInPlane": 2,
    "PatientPosition": "HFS",
    "PhaseEncodingDirection": "j",
    "PhilipsRescaleIntercept": 0,
    "PhilipsRescaleSlope": 0.75018,
    "PhilipsScaleSlope": 0.0597341,
    "ProtocolName": "WIPtask-wm_boldSENSE",
    "PulseSequenceType": "gradient echo EPI",
    "ReconMatrixPE": 80,
    "RepetitionTime": 2,
    "SeriesDescription": "ImageMRSERIES",
    "SeriesNumber": 3,
    "SliceEncodingDirection": "k",
    "SliceTiming": [
      0.0,
      0.0556,
      0.1111,
      0.1667,
      0.2222,
      0.2778,
      0.3333,
      0.3889,
      0.4444,
      0.5,
      0.5556,
      0.6111,
      0.6667,
      0.7222,
      0.7778,
      0.8333,
      0.8889,
      0.9444,
      1.0,
      1.0556,
      1.1111,
      1.1667,
      1.2222,
      1.2778,
      1.3333,
      1.3889,
      1.4444,
      1.5,
      1.5556,
      1.6111,
      1.6667,
      1.7222,
      1.7778,
      1.8333,
      1.8889,
      1.9444
    ],
    "TaskName": "workingmemory",
    "TotalReadoutTime": 0.026945238983542674,
    "UsePhilipsFloatNotDisplayScaling": 1,
    "WaterFatShift": 12,
    "acq_id": "seq",
    "dataset": "ds002790",
    "modality": "bold",
    "subject_id": "0019",
    "task_id": "workingmemory"
  },
  "dummy_trs": 0,
  "dvars_nstd": 19.98940833106918,
  "dvars_std": 1.2912854345911946,
  "dvars_vstd": 0.9861100535220125,
  "efc": 0.4001698401718742,
  "fber": 242861.1875,
  "fd_mean": 0.12901249507612766,
  "fd_num": 16,
  "fd_perc": 10.0,
  "fwhm_avg": 1.9502576858110607,
  "fwhm_x": 1.9091633333333335,
  "fwhm_y": 2.06404,
  "fwhm_z": 1.8775697240998488,
  "gcor": 0.0465639,
  "gsr_x": -0.021362097933888435,
  "gsr_y": 0.006130505353212357,
  "provenance": {
    "md5sum": "0d698ddd31596104d16d17cd8e5af166",
    "settings": {
      "fd_thres": 0.2,
      "testing": false
    },
    "software": "mriqc",
    "version": "22.0.0rc1",
    "webapi_port": null,
    "webapi_url": "https://mriqc.nimh.nih.gov/api/v1"
  },
  "size_t": 160,
  "size_x": 80,
  "size_y": 80,
  "size_z": 36,
  "snr": 6.591873053366655,
  "spacing_tr": 2.0,
  "spacing_x": 3.0,
  "spacing_y": 3.0,
  "spacing_z": 3.299999952316284,
  "summary_bg_k": 114.34647371645173,
  "summary_bg_mad": 52.919446864957436,
  "summary_bg_mean": 494.1005859375,
  "summary_bg_median": 51.227088928222656,
  "summary_bg_n": 160656.0,
  "summary_bg_p05": 4.696098208427429,
  "summary_bg_p95": 2330.5220336914062,
  "summary_bg_stdv": 1527.4844970703125,
  "summary_fg_k": 1.3656370786596046,
  "summary_fg_mad": 3802.602493965815,
  "summary_fg_mean": 26506.912109375,
  "summary_fg_median": 26147.224609375,
  "summary_fg_n": 30193.0,
  "summary_fg_p05": 20824.5640625,
  "summary_fg_p95": 33121.53906249999,
  "summary_fg_stdv": 3966.519287109375,
  "tsnr": 85.04828643798828
}