{
  "aor": 0.0020102083333333335,
  "aqi": 0.0032115939583333337,
  "bids_meta": {
    "AcquisitionNumber": 4,
    "BidsifyVersion": "0.3.5",
    "ConversionSoftware": "dcm2niix",
    "ConversionSoftwareVersion": "v1.0.20181125  GCC6.3.0",
    "EchoTime": 0.02763,
    "EffectiveEchoSpacing": 0.0006909035636805814,
    "FlipAngle": 76.1,
    "ImageComments": "PIOP2",
    "ImageOrientationPatientDICOM": [
      0.999923,
      0.00560354,
      0.0111126,
      -0.00471206,
      0.996888,
      -0.0786863
    ],
    "Manufacturer": "Philips",
    "NumberOfVolumesDiscardedByScanner": 2,
    "ParallelAcquisitionTechnique": "SENSE",
    "ParallelReductionFactorInPlane": 2,
    "PatientPosition": "HFS",
    "PhaseEncodingDirection": "j",
    "PhilipsRescaleIntercept": 0,
    "PhilipsRescaleSlope": 0.76239,
    "PhilipsScaleSlope": 0.0553559,
    "ProtocolName": "WIPtask-rest_boldSENSE",
    "PulseSequenceType": "gradient echo EPI",
    "ReconMatrixPE": 80,
    "RepetitionTime": 2,
    "SeriesDescription": "ImageMRSERIES",
    "SeriesNumber": 4,
    "SliceEncodingDirection": "k",
    "SliceTiming": [
      0.0,
      0.0556,
      0.1111,
      0.1667,
      0.2222,
      0.2778,
      0.3333,
      0.3889,
      0.4444,
      0.5,
      0.5556,
      0.6111,
      0.6667,
      0.7222,
      0.7778,
      0.8333,
      0.8889,
      0.9444,
      1.0,
      1.0556,
      1.1111,
      1.1667,
      1.2222,
      1.2778,
      1.3333,
      1.3889,
      1.4444,
      1.5,
      1.5556,
      1.6111,
      1.6667,
      1.7222,
      1.7778,
      1.8333,
      1.8889,
      1.9444
    ],
    "TaskName": "restingstate",
    "TotalReadoutTime": 0.026945238983542674,
    "UsePhilipsFloatNotDisplayScaling": 1,
    "WaterFatShift": 12,
    "acq_id": "seq",
    "dataset": "ds002790",
    "modality": "bold",
    "subject_id": "0200",
    "task_id": "restingstate"
  },
  "dummy_trs": 0,
  "dvars_nstd": 16.180945787238493,
  "dvars_std": 1.1948744137656904,
  "dvars_vstd": 1.0117394688284522,
  "efc": 0.42400195824947834,
  "fber": 218876.9375,
  "fd_mean": 0.08548749589309405,
  "fd_num": 7,
  "fd_perc": 2.9166666666666665,
  "fwhm_avg": 2.111078595555924,
  "fwhm_x": 2.06878,
  "fwhm_y": 2.251113333333333,
  "fwhm_z": 2.013342453334439,
  "gcor": 0.0163467,
  "gsr_x": -0.01697421446442604,
  "gsr_y": 0.012616699561476707,
  "provenance": {
    "md5sum": "e4ac556b0cb2057913cc54bd68d3ae7a",
    "settings": {
      "fd_thres": 0.2,
      "testing": false
    },
    "software": "mriqc",
    "version": "22.0.0rc1",
    "webapi_port": null,
    "webapi_url": "https://mriqc.nimh.nih.gov/api/v1"
  },
  "size_t": 240,
  "size_x": 80,
  "size_y": 80,
  "size_z": 36,
  "snr": 5.416513394674458,
  "spacing_tr": 2.0,
  "spacing_x": 3.0,
  "spacing_y": 3.0,
  "spacing_z": 3.299999952316284,
  "summary_bg_k": 66.28261057763618,
  "summary_bg_mad": 54.81643500092706,
  "summary_bg_mean": 481.66070556640625,
  "summary_bg_median": 54.51750946044922,
  "summary_bg_n": 154480.0,
  "summary_bg_p05": 4.745220494270326,
  "summary_bg_p95": 2361.7870971679645,
  "summary_bg_stdv": 1510.4266357421875,
  "summary_fg_k": 1.587271294625758,
  "summary_fg_mad": 4397.8296404988605,
  "summary_fg_mean": 26497.07421875,
  "summary_fg_median": 25997.349609375,
  "summary_fg_n": 36125.0,
  "summary_fg_p05": 19647.740625,
  "summary_fg_p95": 34735.955468749984,
  "summary_fg_stdv": 4799.580078125,
  "tsnr": 101.26607513427734
}