{
  "aor": 0.0022086874999999997,
  "aqi": 0.0028827043749999996,
  "bids_meta": {
    "AcquisitionNumber": 3,
    "BidsifyVersion": "0.3.5",
    "ConversionSoftware": "dcm2niix",
    "ConversionSoftwareVersion": "v1.0.20181125  GCC6.3.0",
    "EchoTime": 0.02763,
    "EffectiveEchoSpacing": 0.0006909035636805814,
    "FlipAngle": 76.1,
    "ImageComments": "PIOP2",
    "ImageOrientationPatientDICOM": [
      0.999923,
      0.00560354,
      0.0111126,
      -0.00471206,
      0.996888,
      -0.0786863
    ],
    "Manufacturer": "Philips",
    "NumberOfVolumesDiscardedByScanner": 2,
    "ParallelAcquisitionTechnique": "SENSE",
    "ParallelReductionFactorInPlane": 2,
    "PatientPosition": "HFS",
    "PhaseEncodingDirection": "j",
    "PhilipsRescaleIntercept": 0,
    "PhilipsRescaleSlope": 0.75702,
    "PhilipsScaleSlope": 0.055459,
    "ProtocolName": "WIPtask-wm_boldSENSE",
    "PulseSequenceType": "gradient echo EPI",
    "ReconMatrixPE": 80,
    "RepetitionTime": 2,
    "SeriesDescription": "ImageMRSERIES",
    "SeriesNumber": 3,
    "SliceEncodingDirection": "k",
    "SliceTiming": [
      0.0,
      0.0556,
      0.1111,
      0.1667,
      0.2222,
      0.2778,
      0.3333,
      0.3889,
      0.4444,
      0.5,
      0.5556,
      0.6111,
      0.6667,
      0.7222,
      0.7778,
      0.8333,
      0.8889,
      0.9444,
      1.0,
      1.0556,
      1.1111,
      1.1667,
      1.2222,
      1.2778,
      1.3333,
      1.3889,
      1.4444,
      1.5,
      1.5556,
      1.6111,
      1.6667,
      1.7222,
      1.7778,
      1.8333,
      1.8889,
      1.9444
    ],
    "TaskName": "workingmemory",
    "TotalReadoutTime": 0.026945238983542674,
    "UsePhilipsFloatNotDisplayScaling": 1,
    "WaterFatShift": 12,
    "acq_id": "seq",
    "dataset": "ds002790",
    "modality": "bold",
    "subject_id": "0200",
    "task_id": "workingmemory"
  },
  "dummy_trs": 0,
  "dvars_nstd": 18.833280125786153,
  "dvars_std": 1.2794615387421389,
  "dvars_vstd": 1.0046907064779877,
  "efc": 0.4229363928929157,
  "fber": 224218.109375,
  "fd_mean": 0.07119128476106072,
  "fd_num": 1,
  "fd_perc": 0.625,
  "fwhm_avg": 2.110552433910469,
  "fwhm_x": 2.069926666666667,
  "fwhm_y": 2.25447,
  "fwhm_z": 2.0072606350647413,
  "gcor": 0.0293007,
  "gsr_x": -0.016463682055473328,
  "gsr_y": 0.011228346265852451,
  "provenance": {
    "md5sum": "5377f2a277cb5e6b856fa8d6872cb711",
    "settings": {
      "fd_thres": 0.2,
      "testing": false
    },
    "software": "mriqc",
    "version": "22.0.0rc1",
    "webapi_port": null,
    "webapi_url": "https://mriqc.nimh.nih.gov/api/v1"
  },
  "size_t": 160,
  "size_x": 80,
  "size_y": 80,
  "size_z": 36,
  "snr": 5.39286043866767,
  "spacing_tr": 2.0,
  "spacing_x": 3.0,
  "spacing_y": 3.0,
  "spacing_z": 3.299999952316284,
  "summary_bg_k": 56.700280992851994,
  "summary_bg_mad": 54.123634163756755,
  "summary_bg_mean": 467.9941101074219,
  "summary_bg_median": 53.861244201660156,
  "summary_bg_n": 154524.0,
  "summary_bg_p05": 4.486651659011842,
  "summary_bg_p95": 2273.795300292972,
  "summary_bg_stdv": 1464.593505859375,
  "summary_fg_k": 1.575797861538999,
  "summary_fg_mad": 4407.3333523760775,
  "summary_fg_mean": 26485.158203125,
  "summary_fg_median": 25987.94140625,
  "summary_fg_n": 36045.0,
  "summary_fg_p05": 19587.3140625,
  "summary_fg_p95": 34730.63359375,
  "summary_fg_stdv": 4818.88623046875,
  "tsnr": 103.257080078125
}