{
  "aor": 0.003004796380090498,
  "aqi": 0.00445878628959276,
  "bids_meta": {
    "AcquisitionNumber": 7,
    "BidsifyVersion": "0.3.5",
    "ConversionSoftware": "dcm2niix",
    "ConversionSoftwareVersion": "v1.0.20181125  GCC6.3.0",
    "EchoTime": 0.02763,
    "EffectiveEchoSpacing": 0.0006909035636805814,
    "FlipAngle": 76.1,
    "ImageComments": "PIOP2",
    "ImageOrientationPatientDICOM": [
      0.999923,
      0.00560354,
      0.0111126,
      -0.00471206,
      0.996888,
      -0.0786863
    ],
    "Manufacturer": "Philips",
    "NumberOfVolumesDiscardedByScanner": 2,
    "ParallelAcquisitionTechnique": "SENSE",
    "ParallelReductionFactorInPlane": 2,
    "PatientPosition": "HFS",
    "PhaseEncodingDirection": "j",
    "PhilipsRescaleIntercept": 0,
    "PhilipsRescaleSlope": 0.77021,
    "PhilipsScaleSlope": 0.056801,
    "ProtocolName": "WIPtask-stop_boldSENSE",
    "PulseSequenceType": "gradient echo EPI",
    "ReconMatrixPE": 80,
    "RepetitionTime": 2,
    "SeriesDescription": "ImageMRSERIES",
    "SeriesNumber": 7,
    "SliceEncodingDirection": "k",
    "SliceTiming": [
      0.0,
      0.0556,
      0.1111,
      0.1667,
      0.2222,
      0.2778,
      0.3333,
      0.3889,
      0.4444,
      0.5,
      0.5556,
      0.6111,
      0.6667,
      0.7222,
      0.7778,
      0.8333,
      0.8889,
      0.9444,
      1.0,
      1.0556,
      1.1111,
      1.1667,
      1.2222,
      1.2778,
      1.3333,
      1.3889,
      1.4444,
      1.5,
      1.5556,
      1.6111,
      1.6667,
      1.7222,
      1.7778,
      1.8333,
      1.8889,
      1.9444
    ],
    "TaskName": "stopsignal",
    "TotalReadoutTime": 0.026945238983542674,
    "UsePhilipsFloatNotDisplayScaling": 1,
    "WaterFatShift": 12,
    "acq_id": "seq",
    "dataset": "ds002790",
    "modality": "bold",
    "subject_id": "0200",
    "task_id": "stopsignal"
  },
  "dummy_trs": 0,
  "dvars_nstd": 17.250902561863633,
  "dvars_std": 1.2034945937272727,
  "dvars_vstd": 1.0085386023636367,
  "efc": 0.4265691518536108,
  "fber": 217190.546875,
  "fd_mean": 0.0965312360891328,
  "fd_num": 15,
  "fd_perc": 6.787330316742081,
  "fwhm_avg": 2.0555299084741567,
  "fwhm_x": 2.0123333333333333,
  "fwhm_y": 2.1851533333333335,
  "fwhm_z": 1.9691030587558032,
  "gcor": 0.0430029,
  "gsr_x": -0.017296480014920235,
  "gsr_y": 0.012765971943736076,
  "provenance": {
    "md5sum": "ee390635ddc5414400cbfada694d8944",
    "settings": {
      "fd_thres": 0.2,
      "testing": false
    },
    "software": "mriqc",
    "version": "22.0.0rc1",
    "webapi_port": null,
    "webapi_url": "https://mriqc.nimh.nih.gov/api/v1"
  },
  "size_t": 221,
  "size_x": 80,
  "size_y": 80,
  "size_z": 36,
  "snr": 5.729306426590048,
  "spacing_tr": 2.0,
  "spacing_x": 3.0,
  "spacing_y": 3.0,
  "spacing_z": 3.299999952316284,
  "summary_bg_k": 63.05067462563176,
  "summary_bg_mad": 54.450259502015804,
  "summary_bg_mean": 495.9007568359375,
  "summary_bg_median": 54.08559799194336,
  "summary_bg_n": 154370.0,
  "summary_bg_p05": 4.634155321121216,
  "summary_bg_p95": 2438.4351928710917,
  "summary_bg_stdv": 1546.913330078125,
  "summary_fg_k": 1.5714764198685414,
  "summary_fg_mad": 4100.6663497420595,
  "summary_fg_mean": 26140.201171875,
  "summary_fg_median": 25682.25,
  "summary_fg_n": 36255.0,
  "summary_fg_p05": 19748.540625,
  "summary_fg_p95": 33819.7625,
  "summary_fg_stdv": 4482.548828125,
  "tsnr": 91.57736206054688
}