{
  "bids_meta": {
    "AcquisitionNumber": 2,
    "BidsifyVersion": "0.3.5",
    "ConversionSoftware": "dcm2niix",
    "ConversionSoftwareVersion": "v1.0.20181125  GCC6.3.0",
    "EchoTime": 0.00383,
    "ImageComments": "PIOP2",
    "ImageOrientationPatientDICOM": [
      0.999807,
      -0.0164641,
      0.0106743,
      0.0139609,
      0.979159,
      0.202614
    ],
    "Manufacturer": "Philips",
    "NumberSignalAcquisitions": 2,
    "PatientPosition": "HFS",
    "PhilipsRescaleIntercept": 0,
    "PhilipsRescaleSlope": 8.34823,
    "PhilipsScaleSlope": 0.00699637,
    "ProtocolName": "WIPT1anat_acq-6m_T1wSENSE",
    "ReconMatrixPE": 240,
    "RepetitionTime": 0.008316,
    "SeriesDescription": "ImageMRSERIES",
    "SeriesNumber": 2,
    "UsePhilipsFloatNotDisplayScaling": 1,
    "dataset": "ds002790",
    "modality": "T1w",
    "subject_id": "0197"
  },
  "cjv": 0.25507826614840284,
  "cnr": 4.926966859649212,
  "efc": 0.7604688665140751,
  "fber": 2008.2265625,
  "fwhm_avg": 4.528413426483279,
  "fwhm_x": 4.28681,
  "fwhm_y": 4.61004,
  "fwhm_z": 4.6883902794498375,
  "icvs_csf": 0.24750894215147023,
  "icvs_gm": 0.4091896149668573,
  "icvs_wm": 0.34330144288167247,
  "inu_med": 1.9340425729751587,
  "inu_range": 0.3785589933395386,
  "provenance": {
    "md5sum": "18e43628cfdb3a1046fcdf42f075d42f",
    "settings": {
      "testing": false
    },
    "software": "mriqc",
    "version": "22.0.0rc1",
    "warnings": {
      "large_rot_frame": true,
      "small_air_mask": true
    },
    "webapi_port": null,
    "webapi_url": "https://mriqc.nimh.nih.gov/api/v1"
  },
  "qi_1": 0.0,
  "qi_2": 0.00010734683674413132,
  "rpve_csf": 27.15592354264791,
  "rpve_gm": 16.412670351262463,
  "rpve_wm": 24.74661292634133,
  "size_x": 240,
  "size_y": 240,
  "size_z": 220,
  "snr_csf": 2.830984251212834,
  "snr_gm": 9.893463026262689,
  "snr_total": 11.936404512730645,
  "snr_wm": 23.08476626071641,
  "snrd_csf": 26.415158929668294,
  "snrd_gm": 56.64600383661352,
  "snrd_total": 58.02682802316557,
  "snrd_wm": 91.01932130321492,
  "spacing_x": 1.0,
  "spacing_y": 1.0,
  "spacing_z": 0.9999999403953552,
  "summary_bg_k": 132.14083810415855,
  "summary_bg_mad": 7.197716374160041,
  "summary_bg_mean": 7.389726638793945,
  "summary_bg_median": 4.969085693359375,
  "summary_bg_n": 144636.0,
  "summary_bg_p05": 0.0,
  "summary_bg_p95": 19.698099613189697,
  "summary_bg_stdv": 6.459298610687256,
  "summary_csf_k": 13.604265141961946,
  "summary_csf_mad": 109.13306071437853,
  "summary_csf_mean": 276.92608642578125,
  "summary_csf_median": 290.21258544921875,
  "summary_csf_n": 12484.0,
  "summary_csf_p05": 110.73014907836915,
  "summary_csf_p95": 415.52593078613273,
  "summary_csf_stdv": 102.50885772705078,
  "summary_gm_k": 0.44672242085867886,
  "summary_gm_mad": 59.72636432937547,
  "summary_gm_mean": 627.2808227539062,
  "summary_gm_median": 622.3465576171875,
  "summary_gm_n": 22322.0,
  "summary_gm_p05": 533.227490234375,
  "summary_gm_p95": 739.4843994140625,
  "summary_gm_stdv": 62.90341567993164,
  "summary_wm_k": 1.780834814936303,
  "summary_wm_mad": 36.602828159653804,
  "summary_wm_mean": 994.2022705078125,
  "summary_wm_median": 999.9921875,
  "summary_wm_n": 171351.0,
  "summary_wm_p05": 912.1789855957031,
  "summary_wm_p95": 1052.8474731445312,
  "summary_wm_stdv": 43.318145751953125,
  "tpm_overlap_csf": 0.17848306894302368,
  "tpm_overlap_gm": 0.45650333166122437,
  "tpm_overlap_wm": 0.525966227054596,
  "wm2max": 0.8280394627350502
}