{
  "aor": 0.0020928125,
  "aqi": 0.0034989723750000006,
  "bids_meta": {
    "AcquisitionNumber": 3,
    "BidsifyVersion": "0.3.5",
    "ConversionSoftware": "dcm2niix",
    "ConversionSoftwareVersion": "v1.0.20181125  GCC6.3.0",
    "EchoTime": 0.02763,
    "EffectiveEchoSpacing": 0.0006909035636805814,
    "FlipAngle": 76.1,
    "ImageComments": "PIOP2",
    "ImageOrientationPatientDICOM": [
      0.999553,
      0.00802279,
      0.0287832,
      -0.0115145,
      0.992305,
      0.123278
    ],
    "Manufacturer": "Philips",
    "NumberOfVolumesDiscardedByScanner": 2,
    "ParallelAcquisitionTechnique": "SENSE",
    "ParallelReductionFactorInPlane": 2,
    "PatientPosition": "HFS",
    "PhaseEncodingDirection": "j",
    "PhilipsRescaleIntercept": 0,
    "PhilipsRescaleSlope": 0.78974,
    "PhilipsScaleSlope": 0.0615145,
    "ProtocolName": "WIPtask-wm_boldSENSE",
    "PulseSequenceType": "gradient echo EPI",
    "ReconMatrixPE": 80,
    "RepetitionTime": 2,
    "SeriesDescription": "ImageMRSERIES",
    "SeriesNumber": 3,
    "SliceEncodingDirection": "k",
    "SliceTiming": [
      0.0,
      0.0556,
      0.1111,
      0.1667,
      0.2222,
      0.2778,
      0.3333,
      0.3889,
      0.4444,
      0.5,
      0.5556,
      0.6111,
      0.6667,
      0.7222,
      0.7778,
      0.8333,
      0.8889,
      0.9444,
      1.0,
      1.0556,
      1.1111,
      1.1667,
      1.2222,
      1.2778,
      1.3333,
      1.3889,
      1.4444,
      1.5,
      1.5556,
      1.6111,
      1.6667,
      1.7222,
      1.7778,
      1.8333,
      1.8889,
      1.9444
    ],
    "TaskName": "workingmemory",
    "TotalReadoutTime": 0.026945238983542674,
    "UsePhilipsFloatNotDisplayScaling": 1,
    "WaterFatShift": 12,
    "acq_id": "seq",
    "dataset": "ds002790",
    "modality": "bold",
    "subject_id": "0109",
    "task_id": "workingmemory"
  },
  "dummy_trs": 0,
  "dvars_nstd": 14.897248586163528,
  "dvars_std": 1.16232051672956,
  "dvars_vstd": 1.0012926481761006,
  "efc": 0.4450930507373039,
  "fber": 217016.15625,
  "fd_mean": 0.09307600576008646,
  "fd_num": 3,
  "fd_perc": 1.875,
  "fwhm_avg": 2.077224550701926,
  "fwhm_x": 2.036729838135255,
  "fwhm_y": 2.3151198160108075,
  "fwhm_z": 1.8798239979597153,
  "gcor": 0.0108434,
  "gsr_x": -0.013151110149919987,
  "gsr_y": 0.015302121639251709,
  "provenance": {
    "md5sum": "8cb740fbe330b2a4a36fa8155c2d358d",
    "settings": {
      "fd_thres": 0.2,
      "testing": false
    },
    "software": "mriqc",
    "version": "22.0.0rc1",
    "webapi_port": null,
    "webapi_url": "https://mriqc.nimh.nih.gov/api/v1"
  },
  "size_t": 160,
  "size_x": 80,
  "size_y": 80,
  "size_z": 36,
  "snr": 6.631433013620268,
  "spacing_tr": 2.0,
  "spacing_x": 3.000000238418579,
  "spacing_y": 3.000000238418579,
  "spacing_z": 3.3000004291534424,
  "summary_bg_k": 63.61289666348122,
  "summary_bg_mad": 54.41368493528226,
  "summary_bg_mean": 508.29595947265625,
  "summary_bg_median": 48.21102523803711,
  "summary_bg_n": 151184.0,
  "summary_bg_p05": 4.460812425613404,
  "summary_bg_p95": 2422.81416015625,
  "summary_bg_stdv": 1449.61669921875,
  "summary_fg_k": 3.0961117856159763,
  "summary_fg_mad": 3028.566859753841,
  "summary_fg_mean": 23410.765625,
  "summary_fg_median": 23101.88671875,
  "summary_fg_n": 38220.0,
  "summary_fg_p05": 18595.16455078125,
  "summary_fg_p95": 29076.776464843744,
  "summary_fg_stdv": 3483.64892578125,
  "tsnr": 108.20967102050781
}