{
  "aor": 0.0017587407407407408,
  "aqi": 0.0052035431851851855,
  "bids_meta": {
    "AcquisitionNumber": 8,
    "BidsifyVersion": "0.3.5",
    "ConversionSoftware": "dcm2niix",
    "ConversionSoftwareVersion": "v1.0.20181125  GCC6.3.0",
    "EchoTime": 0.02763,
    "EffectiveEchoSpacing": 0.0006909035636805814,
    "FlipAngle": 76.1,
    "ImageComments": "PIOP2",
    "ImageOrientationPatientDICOM": [
      0.999553,
      0.00802279,
      0.0287832,
      -0.0115145,
      0.992305,
      0.123278
    ],
    "Manufacturer": "Philips",
    "NumberOfVolumesDiscardedByScanner": 2,
    "ParallelAcquisitionTechnique": "SENSE",
    "ParallelReductionFactorInPlane": 2,
    "PatientPosition": "HFS",
    "PhaseEncodingDirection": "j",
    "PhilipsRescaleIntercept": 0,
    "PhilipsRescaleSlope": 0.78632,
    "PhilipsScaleSlope": 0.0638808,
    "ProtocolName": "WIPtask-harriri_boldSENSE",
    "PulseSequenceType": "gradient echo EPI",
    "ReconMatrixPE": 80,
    "RepetitionTime": 2,
    "SeriesDescription": "ImageMRSERIES",
    "SeriesNumber": 8,
    "SliceEncodingDirection": "k",
    "SliceTiming": [
      0.0,
      0.0556,
      0.1111,
      0.1667,
      0.2222,
      0.2778,
      0.3333,
      0.3889,
      0.4444,
      0.5,
      0.5556,
      0.6111,
      0.6667,
      0.7222,
      0.7778,
      0.8333,
      0.8889,
      0.9444,
      1.0,
      1.0556,
      1.1111,
      1.1667,
      1.2222,
      1.2778,
      1.3333,
      1.3889,
      1.4444,
      1.5,
      1.5556,
      1.6111,
      1.6667,
      1.7222,
      1.7778,
      1.8333,
      1.8889,
      1.9444
    ],
    "TaskName": "emomatching",
    "TotalReadoutTime": 0.026945238983542674,
    "UsePhilipsFloatNotDisplayScaling": 1,
    "WaterFatShift": 12,
    "acq_id": "seq",
    "dataset": "ds002790",
    "modality": "bold",
    "subject_id": "0109",
    "task_id": "emomatching"
  },
  "dummy_trs": 0,
  "dvars_nstd": 15.335960566194027,
  "dvars_std": 1.1272263773880595,
  "dvars_vstd": 0.9714732695522383,
  "efc": 0.4404606342819025,
  "fber": 217260.15625,
  "fd_mean": 0.09644485296793377,
  "fd_num": 8,
  "fd_perc": 5.925925925925926,
  "fwhm_avg": 2.0720853587352823,
  "fwhm_x": 2.006383173880325,
  "fwhm_y": 2.3030064836401554,
  "fwhm_z": 1.9068664186853672,
  "gcor": 0.0195395,
  "gsr_x": -0.012091492302715778,
  "gsr_y": 0.016933929175138474,
  "provenance": {
    "md5sum": "ace5e595147ceb17812e02abead05410",
    "settings": {
      "fd_thres": 0.2,
      "testing": false
    },
    "software": "mriqc",
    "version": "22.0.0rc1",
    "webapi_port": null,
    "webapi_url": "https://mriqc.nimh.nih.gov/api/v1"
  },
  "size_t": 135,
  "size_x": 80,
  "size_y": 80,
  "size_z": 36,
  "snr": 6.769514780717932,
  "spacing_tr": 2.0,
  "spacing_x": 3.000000238418579,
  "spacing_y": 3.000000238418579,
  "spacing_z": 3.3000004291534424,
  "summary_bg_k": 58.32707886121433,
  "summary_bg_mad": 51.31173962125996,
  "summary_bg_mean": 493.1114196777344,
  "summary_bg_median": 46.861820220947266,
  "summary_bg_n": 152379.0,
  "summary_bg_p05": 4.719903945922852,
  "summary_bg_p95": 2358.280029296876,
  "summary_bg_stdv": 1382.6136474609375,
  "summary_fg_k": 2.8457252790664445,
  "summary_fg_mad": 2920.619229280089,
  "summary_fg_mean": 22799.90625,
  "summary_fg_median": 22472.28515625,
  "summary_fg_n": 37362.0,
  "summary_fg_p05": 18214.52216796875,
  "summary_fg_p95": 28198.858007812498,
  "summary_fg_stdv": 3319.585693359375,
  "tsnr": 95.64644622802734
}