{
  "bids_meta": {
    "AcquisitionNumber": 2,
    "BidsifyVersion": "0.3.5",
    "ConversionSoftware": "dcm2niix",
    "ConversionSoftwareVersion": "v1.0.20181125  GCC6.3.0",
    "EchoTime": 0.00374,
    "ImageComments": "PIOP2",
    "ImageOrientationPatientDICOM": [
      0.999681,
      0.00213182,
      -0.0251861,
      -0.004013,
      0.997185,
      -0.0748782
    ],
    "Manufacturer": "Philips",
    "PatientPosition": "HFS",
    "PhilipsRescaleIntercept": 0,
    "PhilipsRescaleSlope": 8.92845,
    "PhilipsScaleSlope": 0.00703881,
    "ProtocolName": "WIPT1anat_acq-6m_T1wSENSE",
    "ReconMatrixPE": 240,
    "RepetitionTime": 0.008176,
    "SeriesDescription": "ImageMRSERIES",
    "SeriesNumber": 2,
    "UsePhilipsFloatNotDisplayScaling": 1,
    "dataset": "ds002790",
    "modality": "T1w",
    "subject_id": "0211"
  },
  "cjv": 0.23594152952388764,
  "cnr": 5.51074716388273,
  "efc": 0.7533705485273996,
  "fber": -1.0,
  "fwhm_avg": 4.849126763703034,
  "fwhm_x": 4.46763,
  "fwhm_y": 4.8840002911091025,
  "fwhm_z": 5.19575,
  "icvs_csf": 0.23572033193500083,
  "icvs_gm": 0.4484593212603121,
  "icvs_wm": 0.315820346804687,
  "inu_med": 0.5713552236557007,
  "inu_range": 0.17872509360313416,
  "provenance": {
    "md5sum": "a83823c991e726e2a70c9c6686d5ea2c",
    "settings": {
      "testing": false
    },
    "software": "mriqc",
    "version": "23.0.1",
    "warnings": {
      "large_rot_frame": true,
      "small_air_mask": true
    },
    "webapi_port": null,
    "webapi_url": "https://mriqc.nimh.nih.gov/api/v1"
  },
  "qi_1": 0.00018543242842308262,
  "qi_2": 0.00035000794255050824,
  "rpve_csf": 25.91177573173495,
  "rpve_gm": 14.22397710553783,
  "rpve_wm": 23.55297624609864,
  "size_x": 240,
  "size_y": 240,
  "size_z": 220,
  "snr_csf": 1.3341213264451715,
  "snr_gm": 9.464636096609254,
  "snr_total": 12.936271640088544,
  "snr_wm": 28.01005749721121,
  "snrd_csf": 30.325035461172163,
  "snrd_gm": 151.91301963017122,
  "snrd_total": 145.25313840102862,
  "snrd_wm": 253.52136011174252,
  "spacing_x": 1.0,
  "spacing_y": 0.9999999403953552,
  "spacing_z": 1.0,
  "summary_bg_k": 49.11304047122512,
  "summary_bg_mad": 0.0,
  "summary_bg_mean": 0.6845039551184646,
  "summary_bg_median": 0.0,
  "summary_bg_n": 74472.0,
  "summary_bg_p05": 0.0,
  "summary_bg_p95": 5.187114465981722,
  "summary_bg_stdv": 2.584146695969834,
  "summary_csf_k": 1.352701455818769,
  "summary_csf_mad": 75.18795558436975,
  "summary_csf_mean": 138.6527597876222,
  "summary_csf_median": 119.61530483141541,
  "summary_csf_n": 39663.0,
  "summary_csf_p05": 27.404883723706007,
  "summary_csf_p95": 323.40211646296086,
  "summary_csf_stdv": 89.65736065796871,
  "summary_gm_k": 0.21949934555029849,
  "summary_gm_mad": 62.34857247536191,
  "summary_gm_mean": 600.8141792041597,
  "summary_gm_median": 599.2119011431932,
  "summary_gm_n": 56252.0,
  "summary_gm_p05": 500.2114804126322,
  "summary_gm_p95": 705.212700173445,
  "summary_gm_stdv": 63.31004899338434,
  "summary_wm_k": 0.9226769043968157,
  "summary_wm_mad": 32.21397921437439,
  "summary_wm_mean": 997.9435430176688,
  "summary_wm_median": 999.9999772422016,
  "summary_wm_n": 167265.0,
  "summary_wm_p05": 934.108039918542,
  "summary_wm_p95": 1051.62178421095,
  "summary_wm_stdv": 35.70135434633932,
  "tpm_overlap_csf": 0.16478048431094217,
  "tpm_overlap_gm": 0.4885886551175816,
  "tpm_overlap_wm": 0.5207602964814094,
  "wm2max": 0.8070102944611128
}