{
  "aor": 0.013127089552238807,
  "aqi": 0.021083429701492535,
  "bids_meta": {
    "AcquisitionNumber": 8,
    "BidsifyVersion": "0.3.5",
    "ConversionSoftware": "dcm2niix",
    "ConversionSoftwareVersion": "v1.0.20181125  GCC6.3.0",
    "EchoTime": 0.02763,
    "EffectiveEchoSpacing": 0.0006909035636805814,
    "FlipAngle": 76.1,
    "ImageComments": "PIOP2",
    "ImageOrientationPatientDICOM": [
      0.998382,
      0.0568565,
      -0.000621234,
      -0.0566922,
      0.99454,
      -0.0876092
    ],
    "Manufacturer": "Philips",
    "NumberOfVolumesDiscardedByScanner": 2,
    "ParallelAcquisitionTechnique": "SENSE",
    "ParallelReductionFactorInPlane": 2,
    "PatientPosition": "HFS",
    "PhaseEncodingDirection": "j",
    "PhilipsRescaleIntercept": 0,
    "PhilipsRescaleSlope": 0.76093,
    "PhilipsScaleSlope": 0.053836,
    "ProtocolName": "WIPtask-harriri_boldSENSE",
    "PulseSequenceType": "gradient echo EPI",
    "ReconMatrixPE": 80,
    "RepetitionTime": 2,
    "SeriesDescription": "ImageMRSERIES",
    "SeriesNumber": 8,
    "SliceEncodingDirection": "k",
    "SliceTiming": [
      0.0,
      0.0556,
      0.1111,
      0.1667,
      0.2222,
      0.2778,
      0.3333,
      0.3889,
      0.4444,
      0.5,
      0.5556,
      0.6111,
      0.6667,
      0.7222,
      0.7778,
      0.8333,
      0.8889,
      0.9444,
      1.0,
      1.0556,
      1.1111,
      1.1667,
      1.2222,
      1.2778,
      1.3333,
      1.3889,
      1.4444,
      1.5,
      1.5556,
      1.6111,
      1.6667,
      1.7222,
      1.7778,
      1.8333,
      1.8889,
      1.9444
    ],
    "TaskName": "emomatching",
    "TotalReadoutTime": 0.026945238983542674,
    "UsePhilipsFloatNotDisplayScaling": 1,
    "WaterFatShift": 12,
    "acq_id": "seq",
    "dataset": "ds002790",
    "modality": "bold",
    "subject_id": "0176",
    "task_id": "emomatching"
  },
  "dummy_trs": 1,
  "dvars_nstd": 31.56314183699248,
  "dvars_std": 1.0351346209022558,
  "dvars_vstd": 0.9488460108270674,
  "efc": 0.4274646337341704,
  "fber": 273093.1875,
  "fd_mean": 0.5183946584218249,
  "fd_num": 72,
  "fd_perc": 53.73134328358209,
  "fwhm_avg": 2.0568010194601984,
  "fwhm_x": 2.01132,
  "fwhm_y": 2.215946666666667,
  "fwhm_z": 1.9431363917139284,
  "gcor": 0.0543727,
  "gsr_x": -0.006418589502573013,
  "gsr_y": 0.012989572249352932,
  "provenance": {
    "md5sum": "9b96e5d804d50d377fc634a4ee4d4e2e",
    "settings": {
      "fd_thres": 0.2,
      "testing": false
    },
    "software": "mriqc",
    "version": "22.0.0rc1",
    "webapi_port": null,
    "webapi_url": "https://mriqc.nimh.nih.gov/api/v1"
  },
  "size_t": 134,
  "size_x": 80,
  "size_y": 80,
  "size_z": 36,
  "snr": 5.2115937745815595,
  "spacing_tr": 2.0,
  "spacing_x": 3.0,
  "spacing_y": 3.0,
  "spacing_z": 3.299999952316284,
  "summary_bg_k": 59.199937176410266,
  "summary_bg_mad": 56.35964842033921,
  "summary_bg_mean": 530.353515625,
  "summary_bg_median": 52.50770568847656,
  "summary_bg_n": 153288.0,
  "summary_bg_p05": 5.319209885597229,
  "summary_bg_p95": 2446.466601562499,
  "summary_bg_stdv": 1782.3206787109375,
  "summary_fg_k": 1.7909686680773023,
  "summary_fg_mad": 4936.06347284318,
  "summary_fg_mean": 28766.447265625,
  "summary_fg_median": 28013.787109375,
  "summary_fg_n": 36479.0,
  "summary_fg_p05": 21436.4130859375,
  "summary_fg_p95": 38064.201953125,
  "summary_fg_stdv": 5375.20849609375,
  "tsnr": 38.42356872558594
}