{
  "aor": 0.022002166666666666,
  "aqi": 0.012820834958333334,
  "bids_meta": {
    "AcquisitionNumber": 4,
    "BidsifyVersion": "0.3.5",
    "ConversionSoftware": "dcm2niix",
    "ConversionSoftwareVersion": "v1.0.20181125  GCC6.3.0",
    "EchoTime": 0.02763,
    "EffectiveEchoSpacing": 0.0006909035636805814,
    "FlipAngle": 76.1,
    "ImageComments": "PIOP2",
    "ImageOrientationPatientDICOM": [
      0.998382,
      0.0568565,
      -0.000621234,
      -0.0566922,
      0.99454,
      -0.0876092
    ],
    "Manufacturer": "Philips",
    "NumberOfVolumesDiscardedByScanner": 2,
    "ParallelAcquisitionTechnique": "SENSE",
    "ParallelReductionFactorInPlane": 2,
    "PatientPosition": "HFS",
    "PhaseEncodingDirection": "j",
    "PhilipsRescaleIntercept": 0,
    "PhilipsRescaleSlope": 0.77094,
    "PhilipsScaleSlope": 0.0470068,
    "ProtocolName": "WIPtask-rest_boldSENSE",
    "PulseSequenceType": "gradient echo EPI",
    "ReconMatrixPE": 80,
    "RepetitionTime": 2,
    "SeriesDescription": "ImageMRSERIES",
    "SeriesNumber": 4,
    "SliceEncodingDirection": "k",
    "SliceTiming": [
      0.0,
      0.0556,
      0.1111,
      0.1667,
      0.2222,
      0.2778,
      0.3333,
      0.3889,
      0.4444,
      0.5,
      0.5556,
      0.6111,
      0.6667,
      0.7222,
      0.7778,
      0.8333,
      0.8889,
      0.9444,
      1.0,
      1.0556,
      1.1111,
      1.1667,
      1.2222,
      1.2778,
      1.3333,
      1.3889,
      1.4444,
      1.5,
      1.5556,
      1.6111,
      1.6667,
      1.7222,
      1.7778,
      1.8333,
      1.8889,
      1.9444
    ],
    "TaskName": "restingstate",
    "TotalReadoutTime": 0.026945238983542674,
    "UsePhilipsFloatNotDisplayScaling": 1,
    "WaterFatShift": 12,
    "acq_id": "seq",
    "dataset": "ds002790",
    "modality": "bold",
    "subject_id": "0176",
    "task_id": "restingstate"
  },
  "dummy_trs": 0,
  "dvars_nstd": 27.389649830292875,
  "dvars_std": 1.2577667149790799,
  "dvars_vstd": 1.1144240757322172,
  "efc": 0.4340507651770625,
  "fber": 216726.03125,
  "fd_mean": 0.39350936318734625,
  "fd_num": 99,
  "fd_perc": 41.25,
  "fwhm_avg": 2.0378616254459,
  "fwhm_x": 1.9930166666666667,
  "fwhm_y": 2.1929833333333333,
  "fwhm_z": 1.9275848763377,
  "gcor": 0.053256,
  "gsr_x": -0.007530761882662773,
  "gsr_y": 0.010782266035676003,
  "provenance": {
    "md5sum": "5fae4036afadd86296da835f22bceaf0",
    "settings": {
      "fd_thres": 0.2,
      "testing": false
    },
    "software": "mriqc",
    "version": "22.0.0rc1",
    "webapi_port": null,
    "webapi_url": "https://mriqc.nimh.nih.gov/api/v1"
  },
  "size_t": 240,
  "size_x": 80,
  "size_y": 80,
  "size_z": 36,
  "snr": 5.285681740573309,
  "spacing_tr": 2.0,
  "spacing_x": 3.0,
  "spacing_y": 3.0,
  "spacing_z": 3.299999952316284,
  "summary_bg_k": 59.347368403448925,
  "summary_bg_mad": 65.26618355376513,
  "summary_bg_mean": 566.8683471679688,
  "summary_bg_median": 60.210838317871094,
  "summary_bg_n": 151775.0,
  "summary_bg_p05": 6.48405113220215,
  "summary_bg_p95": 2592.7395019531177,
  "summary_bg_stdv": 1843.976318359375,
  "summary_fg_k": 1.6642992191325972,
  "summary_fg_mad": 5034.90989477638,
  "summary_fg_mean": 29396.046875,
  "summary_fg_median": 28691.041015625,
  "summary_fg_n": 36886.0,
  "summary_fg_p05": 21965.98974609375,
  "summary_fg_p95": 38756.4423828125,
  "summary_fg_stdv": 5427.99462890625,
  "tsnr": 45.017799377441406
}