{
  "bids_meta": {
    "AcquisitionNumber": 2,
    "BidsifyVersion": "0.3.5",
    "ConversionSoftware": "dcm2niix",
    "ConversionSoftwareVersion": "v1.0.20181125  GCC6.3.0",
    "EchoTime": 0.00376,
    "ImageComments": "PIOP2",
    "ImageOrientationPatientDICOM": [
      0.998237,
      0.0566307,
      -0.0177861,
      -0.0573832,
      0.997332,
      -0.045114
    ],
    "Manufacturer": "Philips",
    "NumberSignalAcquisitions": 2,
    "PatientPosition": "HFS",
    "PhilipsRescaleIntercept": 0,
    "PhilipsRescaleSlope": 8.83394,
    "PhilipsScaleSlope": 0.00720249,
    "ProtocolName": "WIPT1anat_acq-6m_T1wSENSE",
    "ReconMatrixPE": 240,
    "RepetitionTime": 0.008174,
    "SeriesDescription": "ImageMRSERIES",
    "SeriesNumber": 2,
    "UsePhilipsFloatNotDisplayScaling": 1,
    "dataset": "ds002790",
    "modality": "T1w",
    "subject_id": "0012"
  },
  "cjv": 0.2500848865635773,
  "cnr": 4.917321393692932,
  "efc": 0.7517555825945855,
  "fber": 1732.502197265625,
  "fwhm_avg": 4.4339699999999995,
  "fwhm_x": 4.10044,
  "fwhm_y": 4.56929,
  "fwhm_z": 4.63218,
  "icvs_csf": 0.2554141502581409,
  "icvs_gm": 0.3962477823814724,
  "icvs_wm": 0.3483380673603867,
  "inu_med": 1.8976631164550781,
  "inu_range": 0.37797582149505615,
  "provenance": {
    "md5sum": "8d7f4bf306adeee0cc4b68862cc15641",
    "settings": {
      "testing": false
    },
    "software": "mriqc",
    "version": "22.0.0rc1",
    "warnings": {
      "large_rot_frame": true,
      "small_air_mask": true
    },
    "webapi_port": null,
    "webapi_url": "https://mriqc.nimh.nih.gov/api/v1"
  },
  "qi_1": 0.00013941663705202155,
  "qi_2": 7.121126058568335e-05,
  "rpve_csf": 25.271175593351327,
  "rpve_gm": 15.853350560277594,
  "rpve_wm": 23.434004773695598,
  "size_x": 240,
  "size_y": 240,
  "size_z": 220,
  "snr_csf": 2.805195376104895,
  "snr_gm": 10.18170775182224,
  "snr_total": 13.215279084291078,
  "snr_wm": 26.6589341249461,
  "snrd_csf": 25.465070494652817,
  "snrd_gm": 53.84785913487665,
  "snrd_total": 54.52703884667569,
  "snrd_wm": 84.2681869104976,
  "spacing_x": 1.0,
  "spacing_y": 1.0,
  "spacing_z": 1.0,
  "summary_bg_k": 7.376705545861995,
  "summary_bg_mad": 7.774355227970485,
  "summary_bg_mean": 8.363036155700684,
  "summary_bg_median": 5.418135643005371,
  "summary_bg_n": 202327.0,
  "summary_bg_p05": 0.0,
  "summary_bg_p95": 21.354120445251464,
  "summary_bg_stdv": 6.609822750091553,
  "summary_csf_k": 18.093557466392763,
  "summary_csf_mad": 118.95215585466046,
  "summary_csf_mean": 289.29461669921875,
  "summary_csf_median": 302.188232421875,
  "summary_csf_n": 17521.0,
  "summary_csf_p05": 115.90694427490234,
  "summary_csf_p95": 437.3622741699219,
  "summary_csf_stdv": 107.7214126586914,
  "summary_gm_k": 0.6688728398709252,
  "summary_gm_mad": 57.76768970659997,
  "summary_gm_mean": 643.29052734375,
  "summary_gm_median": 639.0003662109375,
  "summary_gm_n": 25752.0,
  "summary_gm_p05": 549.8932495117188,
  "summary_gm_p95": 755.8038177490234,
  "summary_gm_stdv": 62.758426666259766,
  "summary_wm_k": 1.2318017081518216,
  "summary_wm_mad": 32.51074106718299,
  "summary_wm_mean": 997.8781127929688,
  "summary_wm_median": 999.9915161132812,
  "summary_wm_n": 182591.0,
  "summary_wm_p05": 931.62939453125,
  "summary_wm_p95": 1055.265380859375,
  "summary_wm_stdv": 37.51045608520508,
  "tpm_overlap_csf": 0.16900232434272766,
  "tpm_overlap_gm": 0.4452091455459595,
  "tpm_overlap_wm": 0.5041469931602478,
  "wm2max": 0.7350843862328202
}