{
  "aor": 0.011501703703703703,
  "aqi": 0.01997288562962963,
  "bids_meta": {
    "AcquisitionNumber": 8,
    "BidsifyVersion": "0.3.5",
    "ConversionSoftware": "dcm2niix",
    "ConversionSoftwareVersion": "v1.0.20181125  GCC6.3.0",
    "EchoTime": 0.02763,
    "EffectiveEchoSpacing": 0.0006909035636805814,
    "FlipAngle": 76.1,
    "ImageComments": "PIOP2",
    "ImageOrientationPatientDICOM": [
      0.999568,
      0.0148787,
      -0.0253481,
      -0.015528,
      0.999551,
      -0.0256118
    ],
    "Manufacturer": "Philips",
    "NumberOfVolumesDiscardedByScanner": 2,
    "ParallelAcquisitionTechnique": "SENSE",
    "ParallelReductionFactorInPlane": 2,
    "PatientPosition": "HFS",
    "PhaseEncodingDirection": "j",
    "PhilipsRescaleIntercept": 0,
    "PhilipsRescaleSlope": 0.74505,
    "PhilipsScaleSlope": 0.0567668,
    "ProtocolName": "WIPtask-harriri_boldSENSE",
    "PulseSequenceType": "gradient echo EPI",
    "ReconMatrixPE": 80,
    "RepetitionTime": 2,
    "SeriesDescription": "ImageMRSERIES",
    "SeriesNumber": 8,
    "SliceEncodingDirection": "k",
    "SliceTiming": [
      0.0,
      0.0556,
      0.1111,
      0.1667,
      0.2222,
      0.2778,
      0.3333,
      0.3889,
      0.4444,
      0.5,
      0.5556,
      0.6111,
      0.6667,
      0.7222,
      0.7778,
      0.8333,
      0.8889,
      0.9444,
      1.0,
      1.0556,
      1.1111,
      1.1667,
      1.2222,
      1.2778,
      1.3333,
      1.3889,
      1.4444,
      1.5,
      1.5556,
      1.6111,
      1.6667,
      1.7222,
      1.7778,
      1.8333,
      1.8889,
      1.9444
    ],
    "TaskName": "emomatching",
    "TotalReadoutTime": 0.026945238983542674,
    "UsePhilipsFloatNotDisplayScaling": 1,
    "WaterFatShift": 12,
    "acq_id": "seq",
    "dataset": "ds002790",
    "modality": "bold",
    "subject_id": "0070",
    "task_id": "emomatching"
  },
  "dummy_trs": 0,
  "dvars_nstd": 29.141812011641793,
  "dvars_std": 1.315773127835821,
  "dvars_vstd": 0.9982698223880596,
  "efc": 0.4479272123743682,
  "fber": 168028.984375,
  "fd_mean": 0.3326509499059978,
  "fd_num": 64,
  "fd_perc": 47.407407407407405,
  "fwhm_avg": 1.9077159678307345,
  "fwhm_x": 1.90399,
  "fwhm_y": 2.10947,
  "fwhm_z": 1.7096879034922037,
  "gcor": 0.0132379,
  "gsr_x": -0.009694918058812618,
  "gsr_y": 0.011386982165277004,
  "provenance": {
    "md5sum": "de2feebc4adffa4d993036fd8b8a98ea",
    "settings": {
      "fd_thres": 0.2,
      "testing": false
    },
    "software": "mriqc",
    "version": "22.0.0rc1",
    "webapi_port": null,
    "webapi_url": "https://mriqc.nimh.nih.gov/api/v1"
  },
  "size_t": 135,
  "size_x": 80,
  "size_y": 80,
  "size_z": 36,
  "snr": 6.178372300856728,
  "spacing_tr": 2.0,
  "spacing_x": 3.0,
  "spacing_y": 3.0,
  "spacing_z": 3.299999952316284,
  "summary_bg_k": 24.434578256218376,
  "summary_bg_mad": 75.8688658984888,
  "summary_bg_mean": 771.3842163085938,
  "summary_bg_median": 63.00641632080078,
  "summary_bg_n": 153309.0,
  "summary_bg_p05": 5.145354461669922,
  "summary_bg_p95": 4428.350781250001,
  "summary_bg_stdv": 1927.836181640625,
  "summary_fg_k": 2.237468265647286,
  "summary_fg_mad": 3857.1083954481023,
  "summary_fg_mean": 26064.76171875,
  "summary_fg_median": 25817.658203125,
  "summary_fg_n": 36662.0,
  "summary_fg_p05": 20112.94306640625,
  "summary_fg_p95": 32702.80556640625,
  "summary_fg_stdv": 4178.658203125,
  "tsnr": 46.354461669921875
}