{
  "aor": 0.00619122270742358,
  "aqi": 0.01709583746724891,
  "bids_meta": {
    "AcquisitionNumber": 7,
    "BidsifyVersion": "0.3.5",
    "ConversionSoftware": "dcm2niix",
    "ConversionSoftwareVersion": "v1.0.20181125  GCC6.3.0",
    "EchoTime": 0.02763,
    "EffectiveEchoSpacing": 0.0006909035636805814,
    "FlipAngle": 76.1,
    "ImageComments": "PIOP2",
    "ImageOrientationPatientDICOM": [
      0.999568,
      0.0148787,
      -0.0253481,
      -0.015528,
      0.999551,
      -0.0256118
    ],
    "Manufacturer": "Philips",
    "NumberOfVolumesDiscardedByScanner": 2,
    "ParallelAcquisitionTechnique": "SENSE",
    "ParallelReductionFactorInPlane": 2,
    "PatientPosition": "HFS",
    "PhaseEncodingDirection": "j",
    "PhilipsRescaleIntercept": 0,
    "PhilipsRescaleSlope": 0.75092,
    "PhilipsScaleSlope": 0.0553036,
    "ProtocolName": "WIPtask-stop_boldSENSE",
    "PulseSequenceType": "gradient echo EPI",
    "ReconMatrixPE": 80,
    "RepetitionTime": 2,
    "SeriesDescription": "ImageMRSERIES",
    "SeriesNumber": 7,
    "SliceEncodingDirection": "k",
    "SliceTiming": [
      0.0,
      0.0556,
      0.1111,
      0.1667,
      0.2222,
      0.2778,
      0.3333,
      0.3889,
      0.4444,
      0.5,
      0.5556,
      0.6111,
      0.6667,
      0.7222,
      0.7778,
      0.8333,
      0.8889,
      0.9444,
      1.0,
      1.0556,
      1.1111,
      1.1667,
      1.2222,
      1.2778,
      1.3333,
      1.3889,
      1.4444,
      1.5,
      1.5556,
      1.6111,
      1.6667,
      1.7222,
      1.7778,
      1.8333,
      1.8889,
      1.9444
    ],
    "TaskName": "stopsignal",
    "TotalReadoutTime": 0.026945238983542674,
    "UsePhilipsFloatNotDisplayScaling": 1,
    "WaterFatShift": 12,
    "acq_id": "seq",
    "dataset": "ds002790",
    "modality": "bold",
    "subject_id": "0070",
    "task_id": "stopsignal"
  },
  "dummy_trs": 0,
  "dvars_nstd": 28.885518467192995,
  "dvars_std": 1.3172911051315794,
  "dvars_vstd": 0.9666299318859654,
  "efc": 0.4468962898376938,
  "fber": 212024.34375,
  "fd_mean": 0.22437570565240375,
  "fd_num": 69,
  "fd_perc": 30.131004366812228,
  "fwhm_avg": 1.9370629377635105,
  "fwhm_x": 1.91604,
  "fwhm_y": 2.136503333333333,
  "fwhm_z": 1.7586454799571976,
  "gcor": 0.0148085,
  "gsr_x": -0.009641374461352825,
  "gsr_y": 0.012262392789125443,
  "provenance": {
    "md5sum": "4a89a4f79cf9f42ad42bba6b7f35b775",
    "settings": {
      "fd_thres": 0.2,
      "testing": false
    },
    "software": "mriqc",
    "version": "22.0.0rc1",
    "webapi_port": null,
    "webapi_url": "https://mriqc.nimh.nih.gov/api/v1"
  },
  "size_t": 229,
  "size_x": 80,
  "size_y": 80,
  "size_z": 36,
  "snr": 6.044063619792076,
  "spacing_tr": 2.0,
  "spacing_x": 3.0,
  "spacing_y": 3.0,
  "spacing_z": 3.299999952316284,
  "summary_bg_k": 25.82797202975517,
  "summary_bg_mad": 62.7920532085871,
  "summary_bg_mean": 751.8851928710938,
  "summary_bg_median": 55.530879974365234,
  "summary_bg_n": 153209.0,
  "summary_bg_p05": 6.768861103057862,
  "summary_bg_p95": 4359.891113281253,
  "summary_bg_stdv": 1918.278076171875,
  "summary_fg_k": 2.3183179575267916,
  "summary_fg_mad": 3942.5723053640677,
  "summary_fg_mean": 26033.263671875,
  "summary_fg_median": 25786.16796875,
  "summary_fg_n": 36731.0,
  "summary_fg_p05": 19926.4716796875,
  "summary_fg_p95": 32748.65234375,
  "summary_fg_stdv": 4266.3046875,
  "tsnr": 49.24698257446289
}