{
  "aor": 0.004311673640167364,
  "aqi": 0.027930137656903765,
  "bids_meta": {
    "AcquisitionNumber": 4,
    "BidsifyVersion": "0.3.5",
    "ConversionSoftware": "dcm2niix",
    "ConversionSoftwareVersion": "v1.0.20181125  GCC6.3.0",
    "EchoTime": 0.02763,
    "EffectiveEchoSpacing": 0.0006909035636805814,
    "FlipAngle": 76.1,
    "ImageComments": "PIOP2",
    "ImageOrientationPatientDICOM": [
      0.999568,
      0.0148787,
      -0.0253481,
      -0.015528,
      0.999551,
      -0.0256118
    ],
    "Manufacturer": "Philips",
    "NumberOfVolumesDiscardedByScanner": 2,
    "ParallelAcquisitionTechnique": "SENSE",
    "ParallelReductionFactorInPlane": 2,
    "PatientPosition": "HFS",
    "PhaseEncodingDirection": "j",
    "PhilipsRescaleIntercept": 0,
    "PhilipsRescaleSlope": 0.79292,
    "PhilipsScaleSlope": 0.0543093,
    "ProtocolName": "WIPtask-rest_boldSENSE",
    "PulseSequenceType": "gradient echo EPI",
    "ReconMatrixPE": 80,
    "RepetitionTime": 2,
    "SeriesDescription": "ImageMRSERIES",
    "SeriesNumber": 4,
    "SliceEncodingDirection": "k",
    "SliceTiming": [
      0.0,
      0.0556,
      0.1111,
      0.1667,
      0.2222,
      0.2778,
      0.3333,
      0.3889,
      0.4444,
      0.5,
      0.5556,
      0.6111,
      0.6667,
      0.7222,
      0.7778,
      0.8333,
      0.8889,
      0.9444,
      1.0,
      1.0556,
      1.1111,
      1.1667,
      1.2222,
      1.2778,
      1.3333,
      1.3889,
      1.4444,
      1.5,
      1.5556,
      1.6111,
      1.6667,
      1.7222,
      1.7778,
      1.8333,
      1.8889,
      1.9444
    ],
    "TaskName": "restingstate",
    "TotalReadoutTime": 0.026945238983542674,
    "UsePhilipsFloatNotDisplayScaling": 1,
    "WaterFatShift": 12,
    "acq_id": "seq",
    "dataset": "ds002790",
    "modality": "bold",
    "subject_id": "0070",
    "task_id": "restingstate"
  },
  "dummy_trs": 1,
  "dvars_nstd": 28.69158058025208,
  "dvars_std": 1.2221569689075633,
  "dvars_vstd": 0.9241241156302527,
  "efc": 0.44838016415497606,
  "fber": 184683.359375,
  "fd_mean": 0.253658617406776,
  "fd_num": 79,
  "fd_perc": 33.05439330543933,
  "fwhm_avg": 1.947858695352725,
  "fwhm_x": 1.9289266666666667,
  "fwhm_y": 2.15321,
  "fwhm_z": 1.7614394193915082,
  "gcor": 0.0134872,
  "gsr_x": -0.009892101399600506,
  "gsr_y": 0.012837511487305164,
  "provenance": {
    "md5sum": "6a8a5c8c8e7f9f81870b9389f947d7f7",
    "settings": {
      "fd_thres": 0.2,
      "testing": false
    },
    "software": "mriqc",
    "version": "22.0.0rc1",
    "webapi_port": null,
    "webapi_url": "https://mriqc.nimh.nih.gov/api/v1"
  },
  "size_t": 239,
  "size_x": 80,
  "size_y": 80,
  "size_z": 36,
  "snr": 6.1573327419223824,
  "spacing_tr": 2.0,
  "spacing_x": 3.0,
  "spacing_y": 3.0,
  "spacing_z": 3.299999952316284,
  "summary_bg_k": 26.742965110999883,
  "summary_bg_mad": 66.26276220145321,
  "summary_bg_mean": 735.4046020507812,
  "summary_bg_median": 59.235294342041016,
  "summary_bg_n": 152581.0,
  "summary_bg_p05": 7.518120765686035,
  "summary_bg_p95": 4208.513671875,
  "summary_bg_stdv": 1883.39794921875,
  "summary_fg_k": 2.3824650254328557,
  "summary_fg_mad": 3860.0678084701976,
  "summary_fg_mean": 25756.560546875,
  "summary_fg_median": 25551.234375,
  "summary_fg_n": 37040.0,
  "summary_fg_p05": 19812.2484375,
  "summary_fg_p95": 32196.999999999996,
  "summary_fg_stdv": 4149.66845703125,
  "tsnr": 39.199039459228516
}