{
  "aor": 0.002718151260504202,
  "aqi": 0.003818894243697479,
  "bids_meta": {
    "AcquisitionNumber": 4,
    "BidsifyVersion": "0.3.5",
    "ConversionSoftware": "dcm2niix",
    "ConversionSoftwareVersion": "v1.0.20181125  GCC6.3.0",
    "EchoTime": 0.02763,
    "EffectiveEchoSpacing": 0.0006909035636805814,
    "FlipAngle": 76.1,
    "ImageComments": "PIOP2",
    "ImageOrientationPatientDICOM": [
      0.998421,
      0.0511073,
      0.0233194,
      -0.0497043,
      0.997123,
      -0.057226
    ],
    "Manufacturer": "Philips",
    "NumberOfVolumesDiscardedByScanner": 2,
    "ParallelAcquisitionTechnique": "SENSE",
    "ParallelReductionFactorInPlane": 2,
    "PatientPosition": "HFS",
    "PhaseEncodingDirection": "j",
    "PhilipsRescaleIntercept": 0,
    "PhilipsRescaleSlope": 0.79634,
    "PhilipsScaleSlope": 0.0558929,
    "ProtocolName": "WIPtask-rest_boldSENSE",
    "PulseSequenceType": "gradient echo EPI",
    "ReconMatrixPE": 80,
    "RepetitionTime": 2,
    "SeriesDescription": "ImageMRSERIES",
    "SeriesNumber": 4,
    "SliceEncodingDirection": "k",
    "SliceTiming": [
      0.0,
      0.0556,
      0.1111,
      0.1667,
      0.2222,
      0.2778,
      0.3333,
      0.3889,
      0.4444,
      0.5,
      0.5556,
      0.6111,
      0.6667,
      0.7222,
      0.7778,
      0.8333,
      0.8889,
      0.9444,
      1.0,
      1.0556,
      1.1111,
      1.1667,
      1.2222,
      1.2778,
      1.3333,
      1.3889,
      1.4444,
      1.5,
      1.5556,
      1.6111,
      1.6667,
      1.7222,
      1.7778,
      1.8333,
      1.8889,
      1.9444
    ],
    "TaskName": "restingstate",
    "TotalReadoutTime": 0.026945238983542674,
    "UsePhilipsFloatNotDisplayScaling": 1,
    "WaterFatShift": 12,
    "acq_id": "seq",
    "dataset": "ds002790",
    "modality": "bold",
    "subject_id": "0048",
    "task_id": "restingstate"
  },
  "dummy_trs": 2,
  "dvars_nstd": 20.29622223607595,
  "dvars_std": 1.38859706392405,
  "dvars_vstd": 1.0334678382278477,
  "efc": 0.42033500958544523,
  "fber": 262115.453125,
  "fd_mean": 0.1387797210369324,
  "fd_num": 27,
  "fd_perc": 11.344537815126051,
  "fwhm_avg": 2.080079853686118,
  "fwhm_x": 2.036303333333333,
  "fwhm_y": 2.27633,
  "fwhm_z": 1.9276062277250199,
  "gcor": 0.0352382,
  "gsr_x": -0.013942481949925423,
  "gsr_y": 0.011838504113256931,
  "provenance": {
    "md5sum": "29206fa4bde8cb3532bded99fef5f056",
    "settings": {
      "fd_thres": 0.2,
      "testing": false
    },
    "software": "mriqc",
    "version": "22.0.0rc1",
    "webapi_port": null,
    "webapi_url": "https://mriqc.nimh.nih.gov/api/v1"
  },
  "size_t": 238,
  "size_x": 80,
  "size_y": 80,
  "size_z": 36,
  "snr": 6.276045858068202,
  "spacing_tr": 2.0,
  "spacing_x": 3.0,
  "spacing_y": 3.0,
  "spacing_z": 3.299999713897705,
  "summary_bg_k": 107.68464825369624,
  "summary_bg_mad": 50.30392314013617,
  "summary_bg_mean": 403.234619140625,
  "summary_bg_median": 48.251991271972656,
  "summary_bg_n": 154229.0,
  "summary_bg_p05": 4.403964614868165,
  "summary_bg_p95": 1868.339208984375,
  "summary_bg_stdv": 1301.8707275390625,
  "summary_fg_k": 1.330532926518086,
  "summary_fg_mad": 3826.208301163584,
  "summary_fg_mean": 25927.833984375,
  "summary_fg_median": 25574.57421875,
  "summary_fg_n": 35370.0,
  "summary_fg_p05": 20129.41474609375,
  "summary_fg_p95": 32950.954687499994,
  "summary_fg_stdv": 4074.892578125,
  "tsnr": 104.10795593261719
}