{
  "aor": 0.00499525925925926,
  "aqi": 0.00388001162962963,
  "bids_meta": {
    "AcquisitionNumber": 8,
    "BidsifyVersion": "0.3.5",
    "ConversionSoftware": "dcm2niix",
    "ConversionSoftwareVersion": "v1.0.20181125  GCC6.3.0",
    "EchoTime": 0.02763,
    "EffectiveEchoSpacing": 0.0006909035636805814,
    "FlipAngle": 76.1,
    "ImageComments": "PIOP2",
    "ImageOrientationPatientDICOM": [
      0.999818,
      -0.00594069,
      -0.0181421,
      0.00471157,
      0.997738,
      -0.0670567
    ],
    "Manufacturer": "Philips",
    "NumberOfVolumesDiscardedByScanner": 2,
    "ParallelAcquisitionTechnique": "SENSE",
    "ParallelReductionFactorInPlane": 2,
    "PatientPosition": "HFS",
    "PhaseEncodingDirection": "j",
    "PhilipsRescaleIntercept": 0,
    "PhilipsRescaleSlope": 0.81807,
    "PhilipsScaleSlope": 0.0551593,
    "ProtocolName": "WIPtask-harriri_boldSENSE",
    "PulseSequenceType": "gradient echo EPI",
    "ReconMatrixPE": 80,
    "RepetitionTime": 2,
    "SeriesDescription": "ImageMRSERIES",
    "SeriesNumber": 8,
    "SliceEncodingDirection": "k",
    "SliceTiming": [
      0.0,
      0.0556,
      0.1111,
      0.1667,
      0.2222,
      0.2778,
      0.3333,
      0.3889,
      0.4444,
      0.5,
      0.5556,
      0.6111,
      0.6667,
      0.7222,
      0.7778,
      0.8333,
      0.8889,
      0.9444,
      1.0,
      1.0556,
      1.1111,
      1.1667,
      1.2222,
      1.2778,
      1.3333,
      1.3889,
      1.4444,
      1.5,
      1.5556,
      1.6111,
      1.6667,
      1.7222,
      1.7778,
      1.8333,
      1.8889,
      1.9444
    ],
    "TaskName": "emomatching",
    "TotalReadoutTime": 0.026945238983542674,
    "UsePhilipsFloatNotDisplayScaling": 1,
    "WaterFatShift": 12,
    "acq_id": "seq",
    "dataset": "ds002790",
    "modality": "bold",
    "subject_id": "0171",
    "task_id": "emomatching"
  },
  "dummy_trs": 0,
  "dvars_nstd": 18.356306538432833,
  "dvars_std": 1.229764341940298,
  "dvars_vstd": 1.0446645831343284,
  "efc": 0.40464127667469146,
  "fber": 244974.78125,
  "fd_mean": 0.13292259087568317,
  "fd_num": 21,
  "fd_perc": 15.555555555555555,
  "fwhm_avg": 2.007845261547794,
  "fwhm_x": 1.9414466666666668,
  "fwhm_y": 2.2088466666666666,
  "fwhm_z": 1.8732424513100487,
  "gcor": 0.0393413,
  "gsr_x": -0.0211548563092947,
  "gsr_y": 0.013417947106063366,
  "provenance": {
    "md5sum": "fcb873fd7489a257d5be676afccd4961",
    "settings": {
      "fd_thres": 0.2,
      "testing": false
    },
    "software": "mriqc",
    "version": "22.0.0rc1",
    "webapi_port": null,
    "webapi_url": "https://mriqc.nimh.nih.gov/api/v1"
  },
  "size_t": 135,
  "size_x": 80,
  "size_y": 80,
  "size_z": 36,
  "snr": 5.624087136457936,
  "spacing_tr": 2.0,
  "spacing_x": 3.0,
  "spacing_y": 3.0,
  "spacing_z": 3.299999952316284,
  "summary_bg_k": 83.34504161902123,
  "summary_bg_mad": 52.33396394369098,
  "summary_bg_mean": 541.158447265625,
  "summary_bg_median": 50.448246002197266,
  "summary_bg_n": 159991.0,
  "summary_bg_p05": 3.5104843378067017,
  "summary_bg_p95": 2717.148681640625,
  "summary_bg_stdv": 1642.283447265625,
  "summary_fg_k": 0.9469476740968026,
  "summary_fg_mad": 4210.260189905695,
  "summary_fg_mean": 25899.755859375,
  "summary_fg_median": 25499.326171875,
  "summary_fg_n": 30900.0,
  "summary_fg_p05": 19224.0162109375,
  "summary_fg_p95": 33692.788671874994,
  "summary_fg_stdv": 4533.8759765625,
  "tsnr": 91.40339660644531
}