{
  "aor": 0.0033690625,
  "aqi": 0.0033796914999999995,
  "bids_meta": {
    "AcquisitionNumber": 4,
    "BidsifyVersion": "0.3.5",
    "ConversionSoftware": "dcm2niix",
    "ConversionSoftwareVersion": "v1.0.20181125  GCC6.3.0",
    "EchoTime": 0.02763,
    "EffectiveEchoSpacing": 0.0006909035636805814,
    "FlipAngle": 76.1,
    "ImageComments": "PIOP2",
    "ImageOrientationPatientDICOM": [
      0.996586,
      0.0816691,
      0.0121134,
      -0.0794832,
      0.98873,
      -0.126871
    ],
    "Manufacturer": "Philips",
    "NumberOfVolumesDiscardedByScanner": 2,
    "ParallelAcquisitionTechnique": "SENSE",
    "ParallelReductionFactorInPlane": 2,
    "PatientPosition": "HFS",
    "PhaseEncodingDirection": "j",
    "PhilipsRescaleIntercept": 0,
    "PhilipsRescaleSlope": 0.77338,
    "PhilipsScaleSlope": 0.0553142,
    "ProtocolName": "WIPtask-wm_boldSENSE",
    "PulseSequenceType": "gradient echo EPI",
    "ReconMatrixPE": 80,
    "RepetitionTime": 2,
    "SeriesDescription": "ImageMRSERIES",
    "SeriesNumber": 4,
    "SliceEncodingDirection": "k",
    "SliceTiming": [
      0.0,
      0.0556,
      0.1111,
      0.1667,
      0.2222,
      0.2778,
      0.3333,
      0.3889,
      0.4444,
      0.5,
      0.5556,
      0.6111,
      0.6667,
      0.7222,
      0.7778,
      0.8333,
      0.8889,
      0.9444,
      1.0,
      1.0556,
      1.1111,
      1.1667,
      1.2222,
      1.2778,
      1.3333,
      1.3889,
      1.4444,
      1.5,
      1.5556,
      1.6111,
      1.6667,
      1.7222,
      1.7778,
      1.8333,
      1.8889,
      1.9444
    ],
    "TaskName": "workingmemory",
    "TotalReadoutTime": 0.026945238983542674,
    "UsePhilipsFloatNotDisplayScaling": 1,
    "WaterFatShift": 12,
    "acq_id": "seq",
    "dataset": "ds002790",
    "modality": "bold",
    "subject_id": "0002",
    "task_id": "workingmemory"
  },
  "dummy_trs": 0,
  "dvars_nstd": 16.707693501761,
  "dvars_std": 1.1848251268553454,
  "dvars_vstd": 1.0315777300000002,
  "efc": 0.4029305557353824,
  "fber": 251340.328125,
  "fd_mean": 0.12046942617508258,
  "fd_num": 13,
  "fd_perc": 8.125,
  "fwhm_avg": 2.0112148573627917,
  "fwhm_x": 2.0161233333333333,
  "fwhm_y": 2.1743,
  "fwhm_z": 1.8432212387550417,
  "gcor": 0.0338087,
  "gsr_x": -0.012720931321382523,
  "gsr_y": 0.012915668077766895,
  "provenance": {
    "md5sum": "bbb208776964794d194d10894298eb53",
    "settings": {
      "fd_thres": 0.2,
      "testing": false
    },
    "software": "mriqc",
    "version": "22.0.0rc1",
    "webapi_port": null,
    "webapi_url": "https://mriqc.nimh.nih.gov/api/v1"
  },
  "size_t": 160,
  "size_x": 80,
  "size_y": 80,
  "size_z": 36,
  "snr": 5.991929748448879,
  "spacing_tr": 2.0,
  "spacing_x": 3.0,
  "spacing_y": 3.0,
  "spacing_z": 3.299999952316284,
  "summary_bg_k": 53.67731317402072,
  "summary_bg_mad": 53.4093375060375,
  "summary_bg_mean": 498.2757873535156,
  "summary_bg_median": 49.090301513671875,
  "summary_bg_n": 159944.0,
  "summary_bg_p05": 4.091355466842652,
  "summary_bg_p95": 2350.3693359375,
  "summary_bg_stdv": 1492.6551513671875,
  "summary_fg_k": 1.69587833564007,
  "summary_fg_mad": 3931.478850092398,
  "summary_fg_mean": 25248.396484375,
  "summary_fg_median": 25048.951171875,
  "summary_fg_n": 30653.0,
  "summary_fg_p05": 18873.246484375,
  "summary_fg_p95": 31928.292578124998,
  "summary_fg_stdv": 4180.3798828125,
  "tsnr": 93.42791748046875
}