{
  "aor": 0.0030636875,
  "aqi": 0.002082627625,
  "bids_meta": {
    "AcquisitionNumber": 3,
    "BidsifyVersion": "0.3.5",
    "ConversionSoftware": "dcm2niix",
    "ConversionSoftwareVersion": "v1.0.20181125  GCC6.3.0",
    "EchoTime": 0.02763,
    "EffectiveEchoSpacing": 0.0006909035636805814,
    "FlipAngle": 76.1,
    "ImageComments": "PIOP2",
    "ImageOrientationPatientDICOM": [
      0.996127,
      0.0852541,
      0.0215149,
      -0.0803215,
      0.981851,
      -0.171807
    ],
    "Manufacturer": "Philips",
    "NumberOfVolumesDiscardedByScanner": 2,
    "ParallelAcquisitionTechnique": "SENSE",
    "ParallelReductionFactorInPlane": 2,
    "PatientPosition": "HFS",
    "PhaseEncodingDirection": "j",
    "PhilipsRescaleIntercept": 0,
    "PhilipsRescaleSlope": 0.78877,
    "PhilipsScaleSlope": 0.052956,
    "ProtocolName": "WIPtask-wm_boldSENSE",
    "PulseSequenceType": "gradient echo EPI",
    "ReconMatrixPE": 80,
    "RepetitionTime": 2,
    "SeriesDescription": "ImageMRSERIES",
    "SeriesNumber": 3,
    "SliceEncodingDirection": "k",
    "SliceTiming": [
      0.0,
      0.0556,
      0.1111,
      0.1667,
      0.2222,
      0.2778,
      0.3333,
      0.3889,
      0.4444,
      0.5,
      0.5556,
      0.6111,
      0.6667,
      0.7222,
      0.7778,
      0.8333,
      0.8889,
      0.9444,
      1.0,
      1.0556,
      1.1111,
      1.1667,
      1.2222,
      1.2778,
      1.3333,
      1.3889,
      1.4444,
      1.5,
      1.5556,
      1.6111,
      1.6667,
      1.7222,
      1.7778,
      1.8333,
      1.8889,
      1.9444
    ],
    "TaskName": "workingmemory",
    "TotalReadoutTime": 0.026945238983542674,
    "UsePhilipsFloatNotDisplayScaling": 1,
    "WaterFatShift": 12,
    "acq_id": "seq",
    "dataset": "ds002790",
    "modality": "bold",
    "subject_id": "0174",
    "task_id": "workingmemory"
  },
  "dummy_trs": 0,
  "dvars_nstd": 17.27844581943396,
  "dvars_std": 1.2761707928930819,
  "dvars_vstd": 1.0175608477987428,
  "efc": 0.40424265768770146,
  "fber": 279338.90625,
  "fd_mean": 0.08709605775307197,
  "fd_num": 1,
  "fd_perc": 0.625,
  "fwhm_avg": 2.173672736924513,
  "fwhm_x": 2.123206666666667,
  "fwhm_y": 2.3939266666666668,
  "fwhm_z": 2.003884877440205,
  "gcor": 0.0161964,
  "gsr_x": -0.02359965816140175,
  "gsr_y": 0.011513732373714447,
  "provenance": {
    "md5sum": "f4f91a1b4b08f9232da2b8a90a18f212",
    "settings": {
      "fd_thres": 0.2,
      "testing": false
    },
    "software": "mriqc",
    "version": "22.0.0rc1",
    "webapi_port": null,
    "webapi_url": "https://mriqc.nimh.nih.gov/api/v1"
  },
  "size_t": 160,
  "size_x": 80,
  "size_y": 80,
  "size_z": 36,
  "snr": 5.086811826736138,
  "spacing_tr": 2.0,
  "spacing_x": 3.0,
  "spacing_y": 3.0,
  "spacing_z": 3.299999952316284,
  "summary_bg_k": 56.46323488609223,
  "summary_bg_mad": 49.996971786947725,
  "summary_bg_mean": 434.3355407714844,
  "summary_bg_median": 45.547122955322266,
  "summary_bg_n": 158182.0,
  "summary_bg_p05": 3.2622946381568907,
  "summary_bg_p95": 1970.1903442382777,
  "summary_bg_stdv": 1367.102783203125,
  "summary_fg_k": 0.9229978286521878,
  "summary_fg_mad": 4669.3514417149045,
  "summary_fg_mean": 25334.826171875,
  "summary_fg_median": 24865.361328125,
  "summary_fg_n": 32144.0,
  "summary_fg_p05": 18355.09013671875,
  "summary_fg_p95": 33889.7279296875,
  "summary_fg_stdv": 4888.12548828125,
  "tsnr": 107.49459838867188
}