{
  "aor": 0.0037622222222222224,
  "aqi": 0.0017852291851851853,
  "bids_meta": {
    "AcquisitionNumber": 8,
    "BidsifyVersion": "0.3.5",
    "ConversionSoftware": "dcm2niix",
    "ConversionSoftwareVersion": "v1.0.20181125  GCC6.3.0",
    "EchoTime": 0.02763,
    "EffectiveEchoSpacing": 0.0006909035636805814,
    "FlipAngle": 76.1,
    "ImageComments": "PIOP2",
    "ImageOrientationPatientDICOM": [
      0.996127,
      0.0852541,
      0.0215149,
      -0.0803215,
      0.981851,
      -0.171807
    ],
    "Manufacturer": "Philips",
    "NumberOfVolumesDiscardedByScanner": 2,
    "ParallelAcquisitionTechnique": "SENSE",
    "ParallelReductionFactorInPlane": 2,
    "PatientPosition": "HFS",
    "PhaseEncodingDirection": "j",
    "PhilipsRescaleIntercept": 0,
    "PhilipsRescaleSlope": 0.81001,
    "PhilipsScaleSlope": 0.0530959,
    "ProtocolName": "WIPtask-harriri_boldSENSE",
    "PulseSequenceType": "gradient echo EPI",
    "ReconMatrixPE": 80,
    "RepetitionTime": 2,
    "SeriesDescription": "ImageMRSERIES",
    "SeriesNumber": 8,
    "SliceEncodingDirection": "k",
    "SliceTiming": [
      0.0,
      0.0556,
      0.1111,
      0.1667,
      0.2222,
      0.2778,
      0.3333,
      0.3889,
      0.4444,
      0.5,
      0.5556,
      0.6111,
      0.6667,
      0.7222,
      0.7778,
      0.8333,
      0.8889,
      0.9444,
      1.0,
      1.0556,
      1.1111,
      1.1667,
      1.2222,
      1.2778,
      1.3333,
      1.3889,
      1.4444,
      1.5,
      1.5556,
      1.6111,
      1.6667,
      1.7222,
      1.7778,
      1.8333,
      1.8889,
      1.9444
    ],
    "TaskName": "emomatching",
    "TotalReadoutTime": 0.026945238983542674,
    "UsePhilipsFloatNotDisplayScaling": 1,
    "WaterFatShift": 12,
    "acq_id": "seq",
    "dataset": "ds002790",
    "modality": "bold",
    "subject_id": "0174",
    "task_id": "emomatching"
  },
  "dummy_trs": 0,
  "dvars_nstd": 15.540662067537317,
  "dvars_std": 1.2173111737313427,
  "dvars_vstd": 1.0411557952238808,
  "efc": 0.40475550323777126,
  "fber": 276289.15625,
  "fd_mean": 0.08907670039336044,
  "fd_num": 1,
  "fd_perc": 0.7407407407407407,
  "fwhm_avg": 2.172411827769996,
  "fwhm_x": 2.1321066666666666,
  "fwhm_y": 2.39445,
  "fwhm_z": 1.990678816643322,
  "gcor": 0.0129805,
  "gsr_x": -0.023360725492239,
  "gsr_y": 0.012041360139846802,
  "provenance": {
    "md5sum": "ba60c62b9b50414235c0c47be37ebba3",
    "settings": {
      "fd_thres": 0.2,
      "testing": false
    },
    "software": "mriqc",
    "version": "22.0.0rc1",
    "webapi_port": null,
    "webapi_url": "https://mriqc.nimh.nih.gov/api/v1"
  },
  "size_t": 135,
  "size_x": 80,
  "size_y": 80,
  "size_z": 36,
  "snr": 5.153841181954414,
  "spacing_tr": 2.0,
  "spacing_x": 3.0,
  "spacing_y": 3.0,
  "spacing_z": 3.299999952316284,
  "summary_bg_k": 55.303414297562284,
  "summary_bg_mad": 49.62005756823977,
  "summary_bg_mean": 434.35308837890625,
  "summary_bg_median": 44.99067687988281,
  "summary_bg_n": 158196.0,
  "summary_bg_p05": 3.1651540398597717,
  "summary_bg_p95": 2027.0260314941406,
  "summary_bg_stdv": 1338.370361328125,
  "summary_fg_k": 0.7154154847555714,
  "summary_fg_mad": 4582.121150249548,
  "summary_fg_mean": 24908.61328125,
  "summary_fg_median": 24479.412109375,
  "summary_fg_n": 32189.0,
  "summary_fg_p05": 18067.438671875,
  "summary_fg_p95": 33282.93203125,
  "summary_fg_stdv": 4749.66748046875,
  "tsnr": 115.10301208496094
}