{
  "bids_meta": {
    "AcquisitionNumber": 2,
    "BidsifyVersion": "0.3.5",
    "ConversionSoftware": "dcm2niix",
    "ConversionSoftwareVersion": "v1.0.20181125  GCC6.3.0",
    "EchoTime": 0.00379,
    "ImageComments": "PIOP2",
    "ImageOrientationPatientDICOM": [
      0.996185,
      0.078988,
      -0.037099,
      -0.0815512,
      0.993949,
      -0.0735894
    ],
    "Manufacturer": "Philips",
    "NumberSignalAcquisitions": 2,
    "PatientPosition": "HFS",
    "PhilipsRescaleIntercept": 0,
    "PhilipsRescaleSlope": 9.16557,
    "PhilipsScaleSlope": 0.00718931,
    "ProtocolName": "WIPT1anat_acq-6m_T1wSENSE",
    "ReconMatrixPE": 240,
    "RepetitionTime": 0.00824,
    "SeriesDescription": "ImageMRSERIES",
    "SeriesNumber": 2,
    "UsePhilipsFloatNotDisplayScaling": 1,
    "dataset": "ds002790",
    "modality": "T1w",
    "subject_id": "0129"
  },
  "cjv": 0.2823635948519694,
  "cnr": 4.182479151547707,
  "efc": 0.7696041392892123,
  "fber": 1248.11279296875,
  "fwhm_avg": 4.48486,
  "fwhm_x": 4.15444,
  "fwhm_y": 4.64688,
  "fwhm_z": 4.65326,
  "icvs_csf": 0.26749293217097814,
  "icvs_gm": 0.3728493428573866,
  "icvs_wm": 0.3596577249716353,
  "inu_med": 3.2629666328430176,
  "inu_range": 0.8869862079620363,
  "provenance": {
    "md5sum": "7b5bc725d5658c1b133693883477519c",
    "settings": {
      "testing": false
    },
    "software": "mriqc",
    "version": "22.0.0rc1",
    "warnings": {
      "large_rot_frame": true,
      "small_air_mask": true
    },
    "webapi_port": null,
    "webapi_url": "https://mriqc.nimh.nih.gov/api/v1"
  },
  "qi_1": 0.0,
  "qi_2": 7.448895784680339e-05,
  "rpve_csf": 22.33911396146327,
  "rpve_gm": 14.882045048709529,
  "rpve_wm": 20.702822052025116,
  "size_x": 240,
  "size_y": 240,
  "size_z": 220,
  "snr_csf": 3.0270376784683055,
  "snr_gm": 9.171139761173942,
  "snr_total": 12.931202784864366,
  "snr_wm": 26.595430914950853,
  "snrd_csf": 21.297144251518112,
  "snrd_gm": 42.85140705536783,
  "snrd_total": 43.05251920009382,
  "snrd_wm": 65.00900629339549,
  "spacing_x": 1.0,
  "spacing_y": 1.0,
  "spacing_z": 1.0,
  "summary_bg_k": 7.176795505922616,
  "summary_bg_mad": 10.077668525438217,
  "summary_bg_mean": 10.622309684753418,
  "summary_bg_median": 7.01909065246582,
  "summary_bg_n": 188333.0,
  "summary_bg_p05": 0.0,
  "summary_bg_p95": 27.306011581420897,
  "summary_bg_stdv": 7.852102279663086,
  "summary_csf_k": 1.6735244097365012,
  "summary_csf_mad": 111.51333224486996,
  "summary_csf_mean": 306.6194152832031,
  "summary_csf_median": 327.6044006347656,
  "summary_csf_n": 23577.0,
  "summary_csf_p05": 114.79270629882812,
  "summary_csf_p95": 448.69299926757816,
  "summary_csf_stdv": 108.2237777709961,
  "summary_gm_k": 0.7637349515501608,
  "summary_gm_mad": 63.32839818000564,
  "summary_gm_mean": 666.3651123046875,
  "summary_gm_median": 659.1639404296875,
  "summary_gm_n": 19120.0,
  "summary_gm_p05": 562.2455505371094,
  "summary_gm_p95": 800.1213592529297,
  "summary_gm_stdv": 71.87184143066406,
  "summary_wm_k": 1.2893669620763113,
  "summary_wm_mad": 32.91252047698309,
  "summary_wm_mean": 998.7634887695312,
  "summary_wm_median": 1000.0043334960938,
  "summary_wm_n": 220019.0,
  "summary_wm_p05": 935.3617736816407,
  "summary_wm_p95": 1057.6705810546875,
  "summary_wm_stdv": 37.600521087646484,
  "tpm_overlap_csf": 0.17131610214710236,
  "tpm_overlap_gm": 0.4391727149486542,
  "tpm_overlap_wm": 0.5229048132896423,
  "wm2max": 0.6789995002396796
}