{
  "aor": 0.0064618125,
  "aqi": 0.0121214451875,
  "bids_meta": {
    "AcquisitionNumber": 3,
    "BidsifyVersion": "0.3.5",
    "ConversionSoftware": "dcm2niix",
    "ConversionSoftwareVersion": "v1.0.20181125  GCC6.3.0",
    "EchoTime": 0.02763,
    "EffectiveEchoSpacing": 0.0006909035636805814,
    "FlipAngle": 76.1,
    "ImageComments": "PIOP2",
    "ImageOrientationPatientDICOM": [
      0.997069,
      -0.0626746,
      0.0438855,
      0.0674488,
      0.990786,
      -0.117443
    ],
    "Manufacturer": "Philips",
    "NumberOfVolumesDiscardedByScanner": 2,
    "ParallelAcquisitionTechnique": "SENSE",
    "ParallelReductionFactorInPlane": 2,
    "PatientPosition": "HFS",
    "PhaseEncodingDirection": "j",
    "PhilipsRescaleIntercept": 0,
    "PhilipsRescaleSlope": 0.78315,
    "PhilipsScaleSlope": 0.0641286,
    "ProtocolName": "WIPtask-wm_boldSENSE",
    "PulseSequenceType": "gradient echo EPI",
    "ReconMatrixPE": 80,
    "RepetitionTime": 2,
    "SeriesDescription": "ImageMRSERIES",
    "SeriesNumber": 3,
    "SliceEncodingDirection": "k",
    "SliceTiming": [
      0.0,
      0.0556,
      0.1111,
      0.1667,
      0.2222,
      0.2778,
      0.3333,
      0.3889,
      0.4444,
      0.5,
      0.5556,
      0.6111,
      0.6667,
      0.7222,
      0.7778,
      0.8333,
      0.8889,
      0.9444,
      1.0,
      1.0556,
      1.1111,
      1.1667,
      1.2222,
      1.2778,
      1.3333,
      1.3889,
      1.4444,
      1.5,
      1.5556,
      1.6111,
      1.6667,
      1.7222,
      1.7778,
      1.8333,
      1.8889,
      1.9444
    ],
    "TaskName": "workingmemory",
    "TotalReadoutTime": 0.026945238983542674,
    "UsePhilipsFloatNotDisplayScaling": 1,
    "WaterFatShift": 12,
    "acq_id": "seq",
    "dataset": "ds002790",
    "modality": "bold",
    "subject_id": "0073",
    "task_id": "workingmemory"
  },
  "dummy_trs": 0,
  "dvars_nstd": 22.423384882389943,
  "dvars_std": 1.2379720937106924,
  "dvars_vstd": 0.9912870496226419,
  "efc": 0.4077200388640702,
  "fber": 206426.328125,
  "fd_mean": 0.18591108574160034,
  "fd_num": 46,
  "fd_perc": 28.75,
  "fwhm_avg": 1.9956595034831872,
  "fwhm_x": 2.02756,
  "fwhm_y": 2.1876700000000002,
  "fwhm_z": 1.7717485104495614,
  "gcor": 0.0128266,
  "gsr_x": -0.008206606842577457,
  "gsr_y": 0.0058280788362026215,
  "provenance": {
    "md5sum": "e1c40bb0b7ee04326346997f9c17cf25",
    "settings": {
      "fd_thres": 0.2,
      "testing": false
    },
    "software": "mriqc",
    "version": "22.0.0rc1",
    "webapi_port": null,
    "webapi_url": "https://mriqc.nimh.nih.gov/api/v1"
  },
  "size_t": 160,
  "size_x": 80,
  "size_y": 80,
  "size_z": 36,
  "snr": 5.884677715974886,
  "spacing_tr": 2.0,
  "spacing_x": 3.0,
  "spacing_y": 3.0,
  "spacing_z": 3.299999952316284,
  "summary_bg_k": 56.506482810025005,
  "summary_bg_mad": 52.858349982648626,
  "summary_bg_mean": 399.8551025390625,
  "summary_bg_median": 49.565643310546875,
  "summary_bg_n": 157875.0,
  "summary_bg_p05": 6.004886150360109,
  "summary_bg_p95": 1801.1261596679676,
  "summary_bg_stdv": 1150.6693115234375,
  "summary_fg_k": 1.1159636943697206,
  "summary_fg_mad": 3858.2000771597754,
  "summary_fg_mean": 23233.94140625,
  "summary_fg_median": 22896.515625,
  "summary_fg_n": 32622.0,
  "summary_fg_p05": 17526.15888671875,
  "summary_fg_p95": 29750.177539062493,
  "summary_fg_stdv": 3890.810302734375,
  "tsnr": 62.509521484375
}