{
  "aor": 0.00282,
  "aqi": 0.0023821690625,
  "bids_meta": {
    "AcquisitionNumber": 3,
    "BidsifyVersion": "0.3.5",
    "ConversionSoftware": "dcm2niix",
    "ConversionSoftwareVersion": "v1.0.20181125  GCC6.3.0",
    "EchoTime": 0.02763,
    "EffectiveEchoSpacing": 0.0006909035636805814,
    "FlipAngle": 76.1,
    "ImageComments": "PIOP2",
    "ImageOrientationPatientDICOM": [
      0.997972,
      -0.0471274,
      0.0427992,
      0.0523015,
      0.990244,
      -0.129155
    ],
    "Manufacturer": "Philips",
    "NumberOfVolumesDiscardedByScanner": 2,
    "ParallelAcquisitionTechnique": "SENSE",
    "ParallelReductionFactorInPlane": 2,
    "PatientPosition": "HFS",
    "PhaseEncodingDirection": "j",
    "PhilipsRescaleIntercept": 0,
    "PhilipsRescaleSlope": 0.74725,
    "PhilipsScaleSlope": 0.0617539,
    "ProtocolName": "WIPtask-wm_boldSENSE",
    "PulseSequenceType": "gradient echo EPI",
    "ReconMatrixPE": 80,
    "RepetitionTime": 2,
    "SeriesDescription": "ImageMRSERIES",
    "SeriesNumber": 3,
    "SliceEncodingDirection": "k",
    "SliceTiming": [
      0.0,
      0.0556,
      0.1111,
      0.1667,
      0.2222,
      0.2778,
      0.3333,
      0.3889,
      0.4444,
      0.5,
      0.5556,
      0.6111,
      0.6667,
      0.7222,
      0.7778,
      0.8333,
      0.8889,
      0.9444,
      1.0,
      1.0556,
      1.1111,
      1.1667,
      1.2222,
      1.2778,
      1.3333,
      1.3889,
      1.4444,
      1.5,
      1.5556,
      1.6111,
      1.6667,
      1.7222,
      1.7778,
      1.8333,
      1.8889,
      1.9444
    ],
    "TaskName": "workingmemory",
    "TotalReadoutTime": 0.026945238983542674,
    "UsePhilipsFloatNotDisplayScaling": 1,
    "WaterFatShift": 12,
    "acq_id": "seq",
    "dataset": "ds002790",
    "modality": "bold",
    "subject_id": "0104",
    "task_id": "workingmemory"
  },
  "dummy_trs": 0,
  "dvars_nstd": 18.98713507125786,
  "dvars_std": 1.2768896788679247,
  "dvars_vstd": 1.0120990734591195,
  "efc": 0.3896510689968406,
  "fber": 258469.140625,
  "fd_mean": 0.11737420430200815,
  "fd_num": 8,
  "fd_perc": 5.0,
  "fwhm_avg": 1.987295867603175,
  "fwhm_x": 1.9384133333333333,
  "fwhm_y": 2.1513166666666668,
  "fwhm_z": 1.8721576028095246,
  "gcor": 0.0485211,
  "gsr_x": -0.023178039118647575,
  "gsr_y": 0.007964445278048515,
  "provenance": {
    "md5sum": "6cbc34f7e13b08d09c3323f078b73ac7",
    "settings": {
      "fd_thres": 0.2,
      "testing": false
    },
    "software": "mriqc",
    "version": "22.0.0rc1",
    "webapi_port": null,
    "webapi_url": "https://mriqc.nimh.nih.gov/api/v1"
  },
  "size_t": 160,
  "size_x": 80,
  "size_y": 80,
  "size_z": 36,
  "snr": 5.012368735401953,
  "spacing_tr": 2.0,
  "spacing_x": 3.0,
  "spacing_y": 3.0,
  "spacing_z": 3.299999952316284,
  "summary_bg_k": 96.06809492286163,
  "summary_bg_mad": 46.03361713054942,
  "summary_bg_mean": 416.58380126953125,
  "summary_bg_median": 46.12333679199219,
  "summary_bg_n": 161825.0,
  "summary_bg_p05": 3.295002841949463,
  "summary_bg_p95": 1964.6067138671854,
  "summary_bg_stdv": 1386.7095947265625,
  "summary_fg_k": 1.3782188923022929,
  "summary_fg_mad": 4264.556152597276,
  "summary_fg_mean": 24609.775390625,
  "summary_fg_median": 23810.2421875,
  "summary_fg_n": 30198.0,
  "summary_fg_p05": 18523.175,
  "summary_fg_p95": 33638.05214843747,
  "summary_fg_stdv": 4750.21875,
  "tsnr": 103.40525817871094
}