{
  "aor": 0.0083885593220339,
  "aqi": 0.008810948601694915,
  "bids_meta": {
    "AcquisitionNumber": 4,
    "BidsifyVersion": "0.3.5",
    "ConversionSoftware": "dcm2niix",
    "ConversionSoftwareVersion": "v1.0.20181125  GCC6.3.0",
    "EchoTime": 0.02763,
    "EffectiveEchoSpacing": 0.0006909035636805814,
    "FlipAngle": 76.1,
    "ImageComments": "PIOP2",
    "ImageOrientationPatientDICOM": [
      0.998514,
      0.050284,
      -0.0210222,
      -0.0535532,
      0.976857,
      -0.207083
    ],
    "Manufacturer": "Philips",
    "NumberOfVolumesDiscardedByScanner": 2,
    "ParallelAcquisitionTechnique": "SENSE",
    "ParallelReductionFactorInPlane": 2,
    "PatientPosition": "HFS",
    "PhaseEncodingDirection": "j",
    "PhilipsRescaleIntercept": 0,
    "PhilipsRescaleSlope": 0.779,
    "PhilipsScaleSlope": 0.0610244,
    "ProtocolName": "WIPtask-rest_boldSENSE",
    "PulseSequenceType": "gradient echo EPI",
    "ReconMatrixPE": 80,
    "RepetitionTime": 2,
    "SeriesDescription": "ImageMRSERIES",
    "SeriesNumber": 4,
    "SliceEncodingDirection": "k",
    "SliceTiming": [
      0.0,
      0.0556,
      0.1111,
      0.1667,
      0.2222,
      0.2778,
      0.3333,
      0.3889,
      0.4444,
      0.5,
      0.5556,
      0.6111,
      0.6667,
      0.7222,
      0.7778,
      0.8333,
      0.8889,
      0.9444,
      1.0,
      1.0556,
      1.1111,
      1.1667,
      1.2222,
      1.2778,
      1.3333,
      1.3889,
      1.4444,
      1.5,
      1.5556,
      1.6111,
      1.6667,
      1.7222,
      1.7778,
      1.8333,
      1.8889,
      1.9444
    ],
    "TaskName": "restingstate",
    "TotalReadoutTime": 0.026945238983542674,
    "UsePhilipsFloatNotDisplayScaling": 1,
    "WaterFatShift": 12,
    "acq_id": "seq",
    "dataset": "ds002790",
    "modality": "bold",
    "subject_id": "0117",
    "task_id": "restingstate"
  },
  "dummy_trs": 4,
  "dvars_nstd": 17.743558757914887,
  "dvars_std": 1.206319113191489,
  "dvars_vstd": 1.0175336940000004,
  "efc": 0.42136935109245344,
  "fber": 226338.046875,
  "fd_mean": 0.12786165070646188,
  "fd_num": 27,
  "fd_perc": 11.440677966101696,
  "fwhm_avg": 2.0622275850727876,
  "fwhm_x": 2.0341833333333335,
  "fwhm_y": 2.2184933333333334,
  "fwhm_z": 1.934006088551696,
  "gcor": 0.0199859,
  "gsr_x": -0.011627506464719772,
  "gsr_y": 0.011693647131323814,
  "provenance": {
    "md5sum": "fc049c96759bddd443f95aaff8e001cf",
    "settings": {
      "fd_thres": 0.2,
      "testing": false
    },
    "software": "mriqc",
    "version": "22.0.0rc1",
    "webapi_port": null,
    "webapi_url": "https://mriqc.nimh.nih.gov/api/v1"
  },
  "size_t": 236,
  "size_x": 80,
  "size_y": 80,
  "size_z": 36,
  "snr": 6.113320712471312,
  "spacing_tr": 2.0,
  "spacing_x": 3.0,
  "spacing_y": 3.0,
  "spacing_z": 3.299999952316284,
  "summary_bg_k": 103.04699327300216,
  "summary_bg_mad": 54.014273133948194,
  "summary_bg_mean": 628.7377319335938,
  "summary_bg_median": 53.01167297363281,
  "summary_bg_n": 157132.0,
  "summary_bg_p05": 7.662469744682312,
  "summary_bg_p95": 3541.8942871093723,
  "summary_bg_stdv": 1846.921630859375,
  "summary_fg_k": 1.1383570386151929,
  "summary_fg_mad": 4044.032103278129,
  "summary_fg_mean": 25981.41015625,
  "summary_fg_median": 25706.8828125,
  "summary_fg_n": 32209.0,
  "summary_fg_p05": 19696.221875,
  "summary_fg_p95": 32997.892187499994,
  "summary_fg_stdv": 4204.9951171875,
  "tsnr": 69.57756805419922
}