{
  "bids_meta": {
    "AcquisitionNumber": 2,
    "BidsifyVersion": "0.3.5",
    "ConversionSoftware": "dcm2niix",
    "ConversionSoftwareVersion": "v1.0.20181125  GCC6.3.0",
    "EchoTime": 0.00389,
    "ImageComments": "PIOP2",
    "ImageOrientationPatientDICOM": [
      0.995808,
      0.091469,
      -0.000478597,
      -0.0888735,
      0.968762,
      0.231518
    ],
    "Manufacturer": "Philips",
    "NumberSignalAcquisitions": 2,
    "PatientPosition": "HFS",
    "PhilipsRescaleIntercept": 0,
    "PhilipsRescaleSlope": 9.82418,
    "PhilipsScaleSlope": 0.00724001,
    "ProtocolName": "WIPT1anat_acq-6m_T1wSENSE",
    "ReconMatrixPE": 240,
    "RepetitionTime": 0.008396,
    "SeriesDescription": "ImageMRSERIES",
    "SeriesNumber": 2,
    "UsePhilipsFloatNotDisplayScaling": 1,
    "dataset": "ds002790",
    "modality": "T1w",
    "subject_id": "0049"
  },
  "cjv": 0.30417856438994373,
  "cnr": 3.955368165918493,
  "efc": 0.7583638653774577,
  "fber": 1574.1861572265625,
  "fwhm_avg": 4.536883333333333,
  "fwhm_x": 4.12887,
  "fwhm_y": 4.70717,
  "fwhm_z": 4.77461,
  "icvs_csf": 0.28160260798785997,
  "icvs_gm": 0.3594082002628021,
  "icvs_wm": 0.35898919174933785,
  "inu_med": 2.0016541481018066,
  "inu_range": 0.3578350663185117,
  "provenance": {
    "md5sum": "8ae6fca1915a8de2664c3a7689da2e73",
    "settings": {
      "testing": false
    },
    "software": "mriqc",
    "version": "22.0.0rc1",
    "warnings": {
      "large_rot_frame": true,
      "small_air_mask": true
    },
    "webapi_port": null,
    "webapi_url": "https://mriqc.nimh.nih.gov/api/v1"
  },
  "qi_1": 0.0,
  "qi_2": 8.393509211487569e-05,
  "rpve_csf": 24.867798925146232,
  "rpve_gm": 17.370380920751863,
  "rpve_wm": 23.775760980630956,
  "size_x": 240,
  "size_y": 240,
  "size_z": 220,
  "snr_csf": 3.9632472144155457,
  "snr_gm": 9.414859400782762,
  "snr_total": 13.310950678974185,
  "snr_wm": 26.55474542172425,
  "snrd_csf": 26.848626502219144,
  "snrd_gm": 53.7715258240732,
  "snrd_total": 53.32598739419896,
  "snrd_wm": 79.35780985630454,
  "spacing_x": 1.0,
  "spacing_y": 1.0,
  "spacing_z": 1.0,
  "summary_bg_k": 21.929686236264136,
  "summary_bg_mad": 8.25538483455865,
  "summary_bg_mean": 8.500029563903809,
  "summary_bg_median": 5.716165542602539,
  "summary_bg_n": 170565.0,
  "summary_bg_p05": 0.0,
  "summary_bg_p95": 22.488680648803705,
  "summary_bg_stdv": 6.861844539642334,
  "summary_csf_k": 0.3438693735419007,
  "summary_csf_mad": 78.6746070626373,
  "summary_csf_mean": 327.685546875,
  "summary_csf_median": 338.32000732421875,
  "summary_csf_n": 18612.0,
  "summary_csf_p05": 169.14879913330077,
  "summary_csf_p95": 452.1209197998047,
  "summary_csf_stdv": 85.36205291748047,
  "summary_gm_k": 0.6869146965847843,
  "summary_gm_mad": 63.85297368419735,
  "summary_gm_mean": 684.1268920898438,
  "summary_gm_median": 677.575927734375,
  "summary_gm_n": 15181.0,
  "summary_gm_p05": 577.841064453125,
  "summary_gm_p95": 816.5736694335938,
  "summary_gm_stdv": 71.9664077758789,
  "summary_wm_k": 0.759854687529264,
  "summary_wm_mad": 34.21821306797536,
  "summary_wm_mean": 998.3220825195312,
  "summary_wm_median": 999.9891357421875,
  "summary_wm_n": 195156.0,
  "summary_wm_p05": 932.3546295166016,
  "summary_wm_p95": 1057.0018615722656,
  "summary_wm_stdv": 37.65754699707031,
  "tpm_overlap_csf": 0.14956672489643097,
  "tpm_overlap_gm": 0.4170233905315399,
  "tpm_overlap_wm": 0.49954792857170105,
  "wm2max": 0.8183993770871616
}