{
  "aor": 0.002732962962962963,
  "aqi": 0.004431289555555555,
  "bids_meta": {
    "AcquisitionNumber": 8,
    "BidsifyVersion": "0.3.5",
    "ConversionSoftware": "dcm2niix",
    "ConversionSoftwareVersion": "v1.0.20181125  GCC6.3.0",
    "EchoTime": 0.02763,
    "EffectiveEchoSpacing": 0.0006909035636805814,
    "FlipAngle": 76.1,
    "ImageComments": "PIOP2",
    "ImageOrientationPatientDICOM": [
      0.998283,
      -0.0470298,
      -0.0349041,
      0.0469032,
      0.99889,
      -0.00443553
    ],
    "Manufacturer": "Philips",
    "NumberOfVolumesDiscardedByScanner": 2,
    "ParallelAcquisitionTechnique": "SENSE",
    "ParallelReductionFactorInPlane": 2,
    "PatientPosition": "HFS",
    "PhaseEncodingDirection": "j",
    "PhilipsRescaleIntercept": 0,
    "PhilipsRescaleSlope": 0.75995,
    "PhilipsScaleSlope": 0.0531403,
    "ProtocolName": "WIPtask-harriri_boldSENSE",
    "PulseSequenceType": "gradient echo EPI",
    "ReconMatrixPE": 80,
    "RepetitionTime": 2,
    "SeriesDescription": "ImageMRSERIES",
    "SeriesNumber": 8,
    "SliceEncodingDirection": "k",
    "SliceTiming": [
      0.0,
      0.0556,
      0.1111,
      0.1667,
      0.2222,
      0.2778,
      0.3333,
      0.3889,
      0.4444,
      0.5,
      0.5556,
      0.6111,
      0.6667,
      0.7222,
      0.7778,
      0.8333,
      0.8889,
      0.9444,
      1.0,
      1.0556,
      1.1111,
      1.1667,
      1.2222,
      1.2778,
      1.3333,
      1.3889,
      1.4444,
      1.5,
      1.5556,
      1.6111,
      1.6667,
      1.7222,
      1.7778,
      1.8333,
      1.8889,
      1.9444
    ],
    "TaskName": "emomatching",
    "TotalReadoutTime": 0.026945238983542674,
    "UsePhilipsFloatNotDisplayScaling": 1,
    "WaterFatShift": 12,
    "acq_id": "seq",
    "dataset": "ds002790",
    "modality": "bold",
    "subject_id": "0175",
    "task_id": "emomatching"
  },
  "dummy_trs": 0,
  "dvars_nstd": 21.575808596119405,
  "dvars_std": 1.3508886402985076,
  "dvars_vstd": 1.0184925670149256,
  "efc": 0.4436631796743302,
  "fber": 199398.515625,
  "fd_mean": 0.14070846368640452,
  "fd_num": 22,
  "fd_perc": 16.296296296296298,
  "fwhm_avg": 1.891605564125941,
  "fwhm_x": 1.8182733333333332,
  "fwhm_y": 2.077176666666667,
  "fwhm_z": 1.7793666923778229,
  "gcor": 0.0377708,
  "gsr_x": -0.018658168613910675,
  "gsr_y": 0.024470170959830284,
  "provenance": {
    "md5sum": "82f2dad1714b093ef2594fae16b61e72",
    "settings": {
      "fd_thres": 0.2,
      "testing": false
    },
    "software": "mriqc",
    "version": "22.0.0rc1",
    "webapi_port": null,
    "webapi_url": "https://mriqc.nimh.nih.gov/api/v1"
  },
  "size_t": 135,
  "size_x": 80,
  "size_y": 80,
  "size_z": 36,
  "snr": 5.754701674203209,
  "spacing_tr": 2.0,
  "spacing_x": 3.0,
  "spacing_y": 3.0,
  "spacing_z": 3.299999952316284,
  "summary_bg_k": 77.30475648138702,
  "summary_bg_mad": 69.08477192517788,
  "summary_bg_mean": 764.9275512695312,
  "summary_bg_median": 57.05817413330078,
  "summary_bg_n": 154211.0,
  "summary_bg_p05": 4.2993409633636475,
  "summary_bg_p95": 3939.0233154296875,
  "summary_bg_stdv": 2013.031494140625,
  "summary_fg_k": 2.8844171967138266,
  "summary_fg_mad": 4061.163108599768,
  "summary_fg_mean": 26318.990234375,
  "summary_fg_median": 25906.251953125,
  "summary_fg_n": 36175.0,
  "summary_fg_p05": 20098.7345703125,
  "summary_fg_p95": 33527.334375,
  "summary_fg_stdv": 4501.69189453125,
  "tsnr": 87.94318389892578
}