{
  "aor": 0.0025095495495495498,
  "aqi": 0.004401115135135135,
  "bids_meta": {
    "AcquisitionNumber": 7,
    "BidsifyVersion": "0.3.5",
    "ConversionSoftware": "dcm2niix",
    "ConversionSoftwareVersion": "v1.0.20181125  GCC6.3.0",
    "EchoTime": 0.02763,
    "EffectiveEchoSpacing": 0.0006909035636805814,
    "FlipAngle": 76.1,
    "ImageComments": "PIOP2",
    "ImageOrientationPatientDICOM": [
      0.998283,
      -0.0470298,
      -0.0349041,
      0.0469032,
      0.99889,
      -0.00443553
    ],
    "Manufacturer": "Philips",
    "NumberOfVolumesDiscardedByScanner": 2,
    "ParallelAcquisitionTechnique": "SENSE",
    "ParallelReductionFactorInPlane": 2,
    "PatientPosition": "HFS",
    "PhaseEncodingDirection": "j",
    "PhilipsRescaleIntercept": 0,
    "PhilipsRescaleSlope": 0.76459,
    "PhilipsScaleSlope": 0.0553577,
    "ProtocolName": "WIPtask-stop_boldSENSE",
    "PulseSequenceType": "gradient echo EPI",
    "ReconMatrixPE": 80,
    "RepetitionTime": 2,
    "SeriesDescription": "ImageMRSERIES",
    "SeriesNumber": 7,
    "SliceEncodingDirection": "k",
    "SliceTiming": [
      0.0,
      0.0556,
      0.1111,
      0.1667,
      0.2222,
      0.2778,
      0.3333,
      0.3889,
      0.4444,
      0.5,
      0.5556,
      0.6111,
      0.6667,
      0.7222,
      0.7778,
      0.8333,
      0.8889,
      0.9444,
      1.0,
      1.0556,
      1.1111,
      1.1667,
      1.2222,
      1.2778,
      1.3333,
      1.3889,
      1.4444,
      1.5,
      1.5556,
      1.6111,
      1.6667,
      1.7222,
      1.7778,
      1.8333,
      1.8889,
      1.9444
    ],
    "TaskName": "stopsignal",
    "TotalReadoutTime": 0.026945238983542674,
    "UsePhilipsFloatNotDisplayScaling": 1,
    "WaterFatShift": 12,
    "acq_id": "seq",
    "dataset": "ds002790",
    "modality": "bold",
    "subject_id": "0175",
    "task_id": "stopsignal"
  },
  "dummy_trs": 0,
  "dvars_nstd": 22.083159956515846,
  "dvars_std": 1.3732396312669686,
  "dvars_vstd": 1.030458900633484,
  "efc": 0.44464322958013425,
  "fber": 197449.03125,
  "fd_mean": 0.1512746472857892,
  "fd_num": 47,
  "fd_perc": 21.17117117117117,
  "fwhm_avg": 1.8518863720173424,
  "fwhm_x": 1.7791033333333335,
  "fwhm_y": 2.036513333333333,
  "fwhm_z": 1.7400424493853606,
  "gcor": 0.0557435,
  "gsr_x": -0.018649498000741005,
  "gsr_y": 0.0244501531124115,
  "provenance": {
    "md5sum": "d01cab52d4b88b46202d7e2081e5e3e5",
    "settings": {
      "fd_thres": 0.2,
      "testing": false
    },
    "software": "mriqc",
    "version": "22.0.0rc1",
    "webapi_port": null,
    "webapi_url": "https://mriqc.nimh.nih.gov/api/v1"
  },
  "size_t": 222,
  "size_x": 80,
  "size_y": 80,
  "size_z": 36,
  "snr": 6.031503791440566,
  "spacing_tr": 2.0,
  "spacing_x": 3.0,
  "spacing_y": 3.0,
  "spacing_z": 3.299999952316284,
  "summary_bg_k": 75.69714465236876,
  "summary_bg_mad": 69.01348563085921,
  "summary_bg_mean": 768.1615600585938,
  "summary_bg_median": 57.18335723876953,
  "summary_bg_n": 154156.0,
  "summary_bg_p05": 4.709071040153503,
  "summary_bg_p95": 3948.0549926757812,
  "summary_bg_stdv": 2027.277099609375,
  "summary_fg_k": 2.608810808996382,
  "summary_fg_mad": 3892.0566887589307,
  "summary_fg_mean": 26189.685546875,
  "summary_fg_median": 25843.66015625,
  "summary_fg_n": 36208.0,
  "summary_fg_p05": 20227.50615234375,
  "summary_fg_p95": 33022.124804687504,
  "summary_fg_stdv": 4284.7197265625,
  "tsnr": 88.9112548828125
}