{
  "aor": 0.0012757916666666668,
  "aqi": 0.0038946230833333336,
  "bids_meta": {
    "AcquisitionNumber": 4,
    "BidsifyVersion": "0.3.5",
    "ConversionSoftware": "dcm2niix",
    "ConversionSoftwareVersion": "v1.0.20181125  GCC6.3.0",
    "EchoTime": 0.02763,
    "EffectiveEchoSpacing": 0.0006909035636805814,
    "FlipAngle": 76.1,
    "ImageComments": "PIOP2",
    "ImageOrientationPatientDICOM": [
      0.998965,
      0.0369218,
      -0.0265813,
      -0.0402972,
      0.98929,
      -0.140289
    ],
    "Manufacturer": "Philips",
    "NumberOfVolumesDiscardedByScanner": 2,
    "ParallelAcquisitionTechnique": "SENSE",
    "ParallelReductionFactorInPlane": 2,
    "PatientPosition": "HFS",
    "PhaseEncodingDirection": "j",
    "PhilipsRescaleIntercept": 0,
    "PhilipsRescaleSlope": 0.7685,
    "PhilipsScaleSlope": 0.0562884,
    "ProtocolName": "WIPtask-rest_boldSENSE",
    "PulseSequenceType": "gradient echo EPI",
    "ReconMatrixPE": 80,
    "RepetitionTime": 2,
    "SeriesDescription": "ImageMRSERIES",
    "SeriesNumber": 4,
    "SliceEncodingDirection": "k",
    "SliceTiming": [
      0.0,
      0.0556,
      0.1111,
      0.1667,
      0.2222,
      0.2778,
      0.3333,
      0.3889,
      0.4444,
      0.5,
      0.5556,
      0.6111,
      0.6667,
      0.7222,
      0.7778,
      0.8333,
      0.8889,
      0.9444,
      1.0,
      1.0556,
      1.1111,
      1.1667,
      1.2222,
      1.2778,
      1.3333,
      1.3889,
      1.4444,
      1.5,
      1.5556,
      1.6111,
      1.6667,
      1.7222,
      1.7778,
      1.8333,
      1.8889,
      1.9444
    ],
    "TaskName": "restingstate",
    "TotalReadoutTime": 0.026945238983542674,
    "UsePhilipsFloatNotDisplayScaling": 1,
    "WaterFatShift": 12,
    "acq_id": "seq",
    "dataset": "ds002790",
    "modality": "bold",
    "subject_id": "0147",
    "task_id": "restingstate"
  },
  "dummy_trs": 0,
  "dvars_nstd": 20.338323333807537,
  "dvars_std": 1.369269924728033,
  "dvars_vstd": 0.9841735724267779,
  "efc": 0.4344408573344248,
  "fber": 229733.53125,
  "fd_mean": 0.14941354555760236,
  "fd_num": 43,
  "fd_perc": 17.916666666666668,
  "fwhm_avg": 1.951287584610079,
  "fwhm_x": 1.88743,
  "fwhm_y": 2.1284933333333336,
  "fwhm_z": 1.8379394204969033,
  "gcor": 0.04099,
  "gsr_x": -0.017659954726696014,
  "gsr_y": 0.01804323121905327,
  "provenance": {
    "md5sum": "151020d3b7e6cf562552f877b1234aaf",
    "settings": {
      "fd_thres": 0.2,
      "testing": false
    },
    "software": "mriqc",
    "version": "22.0.0rc1",
    "webapi_port": null,
    "webapi_url": "https://mriqc.nimh.nih.gov/api/v1"
  },
  "size_t": 240,
  "size_x": 80,
  "size_y": 80,
  "size_z": 36,
  "snr": 6.39197516811807,
  "spacing_tr": 2.0,
  "spacing_x": 3.0,
  "spacing_y": 3.0,
  "spacing_z": 3.299999952316284,
  "summary_bg_k": 62.91080369761143,
  "summary_bg_mad": 60.42751436212175,
  "summary_bg_mean": 649.1123046875,
  "summary_bg_median": 56.15510559082031,
  "summary_bg_n": 154194.0,
  "summary_bg_p05": 6.8774788856506355,
  "summary_bg_p95": 3226.2874755859375,
  "summary_bg_stdv": 1856.308349609375,
  "summary_fg_k": 1.8450529517814536,
  "summary_fg_mad": 3886.5012740007214,
  "summary_fg_mean": 27770.25,
  "summary_fg_median": 27384.96875,
  "summary_fg_n": 36024.0,
  "summary_fg_p05": 21568.3693359375,
  "summary_fg_p95": 34958.6181640625,
  "summary_fg_stdv": 4284.2138671875,
  "tsnr": 101.01075744628906
}