{
  "aor": 0.004015185185185185,
  "aqi": 0.003274082814814815,
  "bids_meta": {
    "AcquisitionNumber": 8,
    "BidsifyVersion": "0.3.5",
    "ConversionSoftware": "dcm2niix",
    "ConversionSoftwareVersion": "v1.0.20181125  GCC6.3.0",
    "EchoTime": 0.02763,
    "EffectiveEchoSpacing": 0.0006909035636805814,
    "FlipAngle": 76.1,
    "ImageComments": "PIOP2",
    "ImageOrientationPatientDICOM": [
      0.99959,
      0.0111809,
      -0.0263679,
      -0.0146558,
      0.990667,
      -0.135516
    ],
    "Manufacturer": "Philips",
    "NumberOfVolumesDiscardedByScanner": 2,
    "ParallelAcquisitionTechnique": "SENSE",
    "ParallelReductionFactorInPlane": 2,
    "PatientPosition": "HFS",
    "PhaseEncodingDirection": "j",
    "PhilipsRescaleIntercept": 0,
    "PhilipsRescaleSlope": 0.73773,
    "PhilipsScaleSlope": 0.0556563,
    "ProtocolName": "WIPtask-harriri_boldSENSE",
    "PulseSequenceType": "gradient echo EPI",
    "ReconMatrixPE": 80,
    "RepetitionTime": 2,
    "SeriesDescription": "ImageMRSERIES",
    "SeriesNumber": 8,
    "SliceEncodingDirection": "k",
    "SliceTiming": [
      0.0,
      0.0556,
      0.1111,
      0.1667,
      0.2222,
      0.2778,
      0.3333,
      0.3889,
      0.4444,
      0.5,
      0.5556,
      0.6111,
      0.6667,
      0.7222,
      0.7778,
      0.8333,
      0.8889,
      0.9444,
      1.0,
      1.0556,
      1.1111,
      1.1667,
      1.2222,
      1.2778,
      1.3333,
      1.3889,
      1.4444,
      1.5,
      1.5556,
      1.6111,
      1.6667,
      1.7222,
      1.7778,
      1.8333,
      1.8889,
      1.9444
    ],
    "TaskName": "emomatching",
    "TotalReadoutTime": 0.026945238983542674,
    "UsePhilipsFloatNotDisplayScaling": 1,
    "WaterFatShift": 12,
    "acq_id": "seq",
    "dataset": "ds002790",
    "modality": "bold",
    "subject_id": "0059",
    "task_id": "emomatching"
  },
  "dummy_trs": 0,
  "dvars_nstd": 19.98805639641792,
  "dvars_std": 1.2787254911194037,
  "dvars_vstd": 1.0275656426119404,
  "efc": 0.44631798954231794,
  "fber": 185467.796875,
  "fd_mean": 0.11801835888898617,
  "fd_num": 14,
  "fd_perc": 10.37037037037037,
  "fwhm_avg": 2.0602894032667054,
  "fwhm_x": 2.0064866666666665,
  "fwhm_y": 2.2378633333333333,
  "fwhm_z": 1.9365182098001164,
  "gcor": 0.0595768,
  "gsr_x": -0.015509734861552715,
  "gsr_y": 0.01712452992796898,
  "provenance": {
    "md5sum": "0c0842427f8481979b3d8c8ba883d421",
    "settings": {
      "fd_thres": 0.2,
      "testing": false
    },
    "software": "mriqc",
    "version": "22.0.0rc1",
    "webapi_port": null,
    "webapi_url": "https://mriqc.nimh.nih.gov/api/v1"
  },
  "size_t": 135,
  "size_x": 80,
  "size_y": 80,
  "size_z": 36,
  "snr": 4.527365364234486,
  "spacing_tr": 2.0,
  "spacing_x": 3.0,
  "spacing_y": 3.0,
  "spacing_z": 3.299999952316284,
  "summary_bg_k": 46.13168337078691,
  "summary_bg_mad": 59.57706643188846,
  "summary_bg_mean": 596.0467529296875,
  "summary_bg_median": 55.5181884765625,
  "summary_bg_n": 150454.0,
  "summary_bg_p05": 5.042824983596803,
  "summary_bg_p95": 3108.9147338867206,
  "summary_bg_stdv": 1678.0982666015625,
  "summary_fg_k": 1.649140379915818,
  "summary_fg_mad": 4897.81407303021,
  "summary_fg_mean": 25200.33984375,
  "summary_fg_median": 24349.2890625,
  "summary_fg_n": 39115.0,
  "summary_fg_p05": 18292.0453125,
  "summary_fg_p95": 35140.37968749998,
  "summary_fg_stdv": 5378.17822265625,
  "tsnr": 86.40990447998047
}