{
  "aor": 0.003252974683544304,
  "aqi": 0.003100739240506329,
  "bids_meta": {
    "AcquisitionNumber": 3,
    "BidsifyVersion": "0.3.5",
    "ConversionSoftware": "dcm2niix",
    "ConversionSoftwareVersion": "v1.0.20181125  GCC6.3.0",
    "EchoTime": 0.02763,
    "EffectiveEchoSpacing": 0.0006909035636805814,
    "FlipAngle": 76.1,
    "ImageComments": "PIOP2",
    "ImageOrientationPatientDICOM": [
      0.99959,
      0.0111809,
      -0.0263679,
      -0.0146558,
      0.990667,
      -0.135516
    ],
    "Manufacturer": "Philips",
    "NumberOfVolumesDiscardedByScanner": 2,
    "ParallelAcquisitionTechnique": "SENSE",
    "ParallelReductionFactorInPlane": 2,
    "PatientPosition": "HFS",
    "PhaseEncodingDirection": "j",
    "PhilipsRescaleIntercept": 0,
    "PhilipsRescaleSlope": 0.75629,
    "PhilipsScaleSlope": 0.0542185,
    "ProtocolName": "WIPtask-wm_boldSENSE",
    "PulseSequenceType": "gradient echo EPI",
    "ReconMatrixPE": 80,
    "RepetitionTime": 2,
    "SeriesDescription": "ImageMRSERIES",
    "SeriesNumber": 3,
    "SliceEncodingDirection": "k",
    "SliceTiming": [
      0.0,
      0.0556,
      0.1111,
      0.1667,
      0.2222,
      0.2778,
      0.3333,
      0.3889,
      0.4444,
      0.5,
      0.5556,
      0.6111,
      0.6667,
      0.7222,
      0.7778,
      0.8333,
      0.8889,
      0.9444,
      1.0,
      1.0556,
      1.1111,
      1.1667,
      1.2222,
      1.2778,
      1.3333,
      1.3889,
      1.4444,
      1.5,
      1.5556,
      1.6111,
      1.6667,
      1.7222,
      1.7778,
      1.8333,
      1.8889,
      1.9444
    ],
    "TaskName": "workingmemory",
    "TotalReadoutTime": 0.026945238983542674,
    "UsePhilipsFloatNotDisplayScaling": 1,
    "WaterFatShift": 12,
    "acq_id": "seq",
    "dataset": "ds002790",
    "modality": "bold",
    "subject_id": "0059",
    "task_id": "workingmemory"
  },
  "dummy_trs": 2,
  "dvars_nstd": 19.309266953503187,
  "dvars_std": 1.256416913757962,
  "dvars_vstd": 1.017523017643312,
  "efc": 0.4450568837981102,
  "fber": 182503.578125,
  "fd_mean": 0.11544576438114076,
  "fd_num": 12,
  "fd_perc": 7.594936708860759,
  "fwhm_avg": 2.0882346558746856,
  "fwhm_x": 2.0308366666666666,
  "fwhm_y": 2.2801733333333334,
  "fwhm_z": 1.953693967624057,
  "gcor": 0.0318629,
  "gsr_x": -0.015522896312177181,
  "gsr_y": 0.016532335430383682,
  "provenance": {
    "md5sum": "bba44012464bd58611cc270f67814b69",
    "settings": {
      "fd_thres": 0.2,
      "testing": false
    },
    "software": "mriqc",
    "version": "22.0.0rc1",
    "webapi_port": null,
    "webapi_url": "https://mriqc.nimh.nih.gov/api/v1"
  },
  "size_t": 158,
  "size_x": 80,
  "size_y": 80,
  "size_z": 36,
  "snr": 4.439481255001109,
  "spacing_tr": 2.0,
  "spacing_x": 3.0,
  "spacing_y": 3.0,
  "spacing_z": 3.299999952316284,
  "summary_bg_k": 47.90971219060212,
  "summary_bg_mad": 59.50755107194047,
  "summary_bg_mean": 585.7634887695312,
  "summary_bg_median": 56.06184387207031,
  "summary_bg_n": 150446.0,
  "summary_bg_p05": 5.7566176652908325,
  "summary_bg_p95": 2990.7911987304688,
  "summary_bg_stdv": 1681.8253173828125,
  "summary_fg_k": 1.606971870124398,
  "summary_fg_mad": 4981.682448136808,
  "summary_fg_mean": 25303.677734375,
  "summary_fg_median": 24406.44140625,
  "summary_fg_n": 38988.0,
  "summary_fg_p05": 18221.17421875,
  "summary_fg_p95": 35465.08125,
  "summary_fg_stdv": 5497.51806640625,
  "tsnr": 86.71110534667969
}