{
  "aor": 0.002015037037037037,
  "aqi": 0.004154856444444444,
  "bids_meta": {
    "AcquisitionNumber": 8,
    "BidsifyVersion": "0.3.5",
    "ConversionSoftware": "dcm2niix",
    "ConversionSoftwareVersion": "v1.0.20181125  GCC6.3.0",
    "EchoTime": 0.02763,
    "EffectiveEchoSpacing": 0.0006909035636805814,
    "FlipAngle": 76.1,
    "ImageComments": "PIOP2",
    "ImageOrientationPatientDICOM": [
      0.996951,
      0.0625686,
      -0.0466277,
      -0.0616748,
      0.997888,
      0.0203703
    ],
    "Manufacturer": "Philips",
    "NumberOfVolumesDiscardedByScanner": 2,
    "ParallelAcquisitionTechnique": "SENSE",
    "ParallelReductionFactorInPlane": 2,
    "PatientPosition": "HFS",
    "PhaseEncodingDirection": "j",
    "PhilipsRescaleIntercept": 0,
    "PhilipsRescaleSlope": 0.77167,
    "PhilipsScaleSlope": 0.0566824,
    "ProtocolName": "WIPtask-harriri_boldSENSE",
    "PulseSequenceType": "gradient echo EPI",
    "ReconMatrixPE": 80,
    "RepetitionTime": 2,
    "SeriesDescription": "ImageMRSERIES",
    "SeriesNumber": 8,
    "SliceEncodingDirection": "k",
    "SliceTiming": [
      0.0,
      0.0556,
      0.1111,
      0.1667,
      0.2222,
      0.2778,
      0.3333,
      0.3889,
      0.4444,
      0.5,
      0.5556,
      0.6111,
      0.6667,
      0.7222,
      0.7778,
      0.8333,
      0.8889,
      0.9444,
      1.0,
      1.0556,
      1.1111,
      1.1667,
      1.2222,
      1.2778,
      1.3333,
      1.3889,
      1.4444,
      1.5,
      1.5556,
      1.6111,
      1.6667,
      1.7222,
      1.7778,
      1.8333,
      1.8889,
      1.9444
    ],
    "TaskName": "emomatching",
    "TotalReadoutTime": 0.026945238983542674,
    "UsePhilipsFloatNotDisplayScaling": 1,
    "WaterFatShift": 12,
    "acq_id": "seq",
    "dataset": "ds002790",
    "modality": "bold",
    "subject_id": "0089",
    "task_id": "emomatching"
  },
  "dummy_trs": 0,
  "dvars_nstd": 19.236651904776114,
  "dvars_std": 1.195159489925374,
  "dvars_vstd": 0.9898302670149256,
  "efc": 0.4162147384090814,
  "fber": 220420.28125,
  "fd_mean": 0.1483640128875018,
  "fd_num": 32,
  "fd_perc": 23.703703703703702,
  "fwhm_avg": 2.194109302718043,
  "fwhm_x": 2.1777333333333333,
  "fwhm_y": 2.3722733333333332,
  "fwhm_z": 2.0323212414874634,
  "gcor": 0.0337706,
  "gsr_x": -0.014291447587311268,
  "gsr_y": 0.010158920660614967,
  "provenance": {
    "md5sum": "6ad1219ed62c7ff3ea8a649d28a27e60",
    "settings": {
      "fd_thres": 0.2,
      "testing": false
    },
    "software": "mriqc",
    "version": "22.0.0rc1",
    "webapi_port": null,
    "webapi_url": "https://mriqc.nimh.nih.gov/api/v1"
  },
  "size_t": 135,
  "size_x": 80,
  "size_y": 80,
  "size_z": 36,
  "snr": 5.012589631017175,
  "spacing_tr": 2.0,
  "spacing_x": 3.0,
  "spacing_y": 3.0,
  "spacing_z": 3.299999952316284,
  "summary_bg_k": 60.180698320818074,
  "summary_bg_mad": 57.28277889055269,
  "summary_bg_mean": 524.8736572265625,
  "summary_bg_median": 52.10078430175781,
  "summary_bg_n": 157042.0,
  "summary_bg_p05": 5.2313223600387575,
  "summary_bg_p95": 2435.416650390622,
  "summary_bg_stdv": 1512.2999267578125,
  "summary_fg_k": 1.2613380740483127,
  "summary_fg_mad": 4542.496289394019,
  "summary_fg_mean": 25582.80859375,
  "summary_fg_median": 24881.9765625,
  "summary_fg_n": 33177.0,
  "summary_fg_p05": 18764.529687500002,
  "summary_fg_p95": 34438.171093749996,
  "summary_fg_stdv": 4963.82177734375,
  "tsnr": 80.34539031982422
}