{
  "bids_meta": {
    "AcquisitionNumber": 2,
    "BidsifyVersion": "0.3.5",
    "ConversionSoftware": "dcm2niix",
    "ConversionSoftwareVersion": "v1.0.20181125  GCC6.3.0",
    "EchoTime": 0.00374,
    "ImageComments": "PIOP2",
    "ImageOrientationPatientDICOM": [
      0.998917,
      0.0463685,
      -0.00383882,
      -0.0464088,
      0.99886,
      -0.0111783
    ],
    "Manufacturer": "Philips",
    "NumberSignalAcquisitions": 2,
    "PatientPosition": "HFS",
    "PhilipsRescaleIntercept": 0,
    "PhilipsRescaleSlope": 8.63394,
    "PhilipsScaleSlope": 0.0072815,
    "ProtocolName": "WIPT1anat_acq-6m_T1wSENSE",
    "ReconMatrixPE": 240,
    "RepetitionTime": 0.008137,
    "SeriesDescription": "ImageMRSERIES",
    "SeriesNumber": 2,
    "UsePhilipsFloatNotDisplayScaling": 1,
    "dataset": "ds002790",
    "modality": "T1w",
    "subject_id": "0183"
  },
  "cjv": 0.294833614534447,
  "cnr": 4.325525008181782,
  "efc": 0.7421772813155026,
  "fber": 1963.90966796875,
  "fwhm_avg": 4.436443237839764,
  "fwhm_x": 3.937210234676017,
  "fwhm_y": 4.3717794788432744,
  "fwhm_z": 5.00034,
  "icvs_csf": 0.22764404250953804,
  "icvs_gm": 0.41488123470160365,
  "icvs_wm": 0.3574747227888583,
  "inu_med": 2.4382941722869873,
  "inu_range": 0.5363600969314573,
  "provenance": {
    "md5sum": "bcc05e2fc6a5663427faafba35e6af6c",
    "settings": {
      "testing": false
    },
    "software": "mriqc",
    "version": "22.0.0rc1",
    "warnings": {
      "large_rot_frame": true,
      "small_air_mask": true
    },
    "webapi_port": null,
    "webapi_url": "https://mriqc.nimh.nih.gov/api/v1"
  },
  "qi_1": 0.0,
  "qi_2": 5.360516158017843e-05,
  "rpve_csf": 24.313144364846593,
  "rpve_gm": 13.90065579324903,
  "rpve_wm": 20.312916315872663,
  "size_x": 240,
  "size_y": 240,
  "size_z": 220,
  "snr_csf": 1.1143348179336185,
  "snr_gm": 8.867769439519332,
  "snr_total": 10.527819988792194,
  "snr_wm": 21.601355708923634,
  "snrd_csf": 24.521022767652717,
  "snrd_gm": 56.75361901614827,
  "snrd_total": 57.09540712462075,
  "snrd_wm": 90.01157959006126,
  "spacing_x": 0.9999999403953552,
  "spacing_y": 1.0000001192092896,
  "spacing_z": 1.0,
  "summary_bg_k": 38.85713617251825,
  "summary_bg_mad": 7.278322873379306,
  "summary_bg_mean": 8.99981689453125,
  "summary_bg_median": 5.088056564331055,
  "summary_bg_n": 232210.0,
  "summary_bg_p05": 0.0,
  "summary_bg_p95": 20.981489849090572,
  "summary_bg_stdv": 9.90895938873291,
  "summary_csf_k": 68.2302550517549,
  "summary_csf_mad": 125.9102015355618,
  "summary_csf_mean": 290.4049072265625,
  "summary_csf_median": 272.41949462890625,
  "summary_csf_n": 15117.0,
  "summary_csf_p05": 99.11196594238282,
  "summary_csf_p95": 444.94787597656244,
  "summary_csf_stdv": 244.46017456054688,
  "summary_gm_k": 0.6563869826481028,
  "summary_gm_mad": 67.7349862496747,
  "summary_gm_mean": 635.504150390625,
  "summary_gm_median": 630.51171875,
  "summary_gm_n": 26634.0,
  "summary_gm_p05": 530.1046356201172,
  "summary_gm_p95": 759.4130523681639,
  "summary_gm_stdv": 71.10016632080078,
  "summary_wm_k": 0.8332967423490465,
  "summary_wm_mad": 41.201211602987584,
  "summary_wm_mean": 997.3464965820312,
  "summary_wm_median": 999.995361328125,
  "summary_wm_n": 222057.0,
  "summary_wm_p05": 915.8140258789062,
  "summary_wm_p95": 1068.527490234375,
  "summary_wm_stdv": 46.29307174682617,
  "tpm_overlap_csf": 0.1707802712917328,
  "tpm_overlap_gm": 0.4410938620567322,
  "tpm_overlap_wm": 0.5011647939682007,
  "wm2max": 0.6719075436810505
}