{
  "aor": 0.004534,
  "aqi": 0.004513569037037038,
  "bids_meta": {
    "AcquisitionNumber": 8,
    "BidsifyVersion": "0.3.5",
    "ConversionSoftware": "dcm2niix",
    "ConversionSoftwareVersion": "v1.0.20181125  GCC6.3.0",
    "EchoTime": 0.02763,
    "EffectiveEchoSpacing": 0.0006909035636805814,
    "FlipAngle": 76.1,
    "ImageComments": "PIOP2",
    "ImageOrientationPatientDICOM": [
      0.999201,
      0.0326176,
      -0.0230946,
      -0.0352421,
      0.991625,
      -0.12425
    ],
    "Manufacturer": "Philips",
    "NumberOfVolumesDiscardedByScanner": 2,
    "ParallelAcquisitionTechnique": "SENSE",
    "ParallelReductionFactorInPlane": 2,
    "PatientPosition": "HFS",
    "PhaseEncodingDirection": "j",
    "PhilipsRescaleIntercept": 0,
    "PhilipsRescaleSlope": 0.75556,
    "PhilipsScaleSlope": 0.0546204,
    "ProtocolName": "WIPtask-harriri_boldSENSE",
    "PulseSequenceType": "gradient echo EPI",
    "ReconMatrixPE": 80,
    "RepetitionTime": 2,
    "SeriesDescription": "ImageMRSERIES",
    "SeriesNumber": 8,
    "SliceEncodingDirection": "k",
    "SliceTiming": [
      0.0,
      0.0556,
      0.1111,
      0.1667,
      0.2222,
      0.2778,
      0.3333,
      0.3889,
      0.4444,
      0.5,
      0.5556,
      0.6111,
      0.6667,
      0.7222,
      0.7778,
      0.8333,
      0.8889,
      0.9444,
      1.0,
      1.0556,
      1.1111,
      1.1667,
      1.2222,
      1.2778,
      1.3333,
      1.3889,
      1.4444,
      1.5,
      1.5556,
      1.6111,
      1.6667,
      1.7222,
      1.7778,
      1.8333,
      1.8889,
      1.9444
    ],
    "TaskName": "emomatching",
    "TotalReadoutTime": 0.026945238983542674,
    "UsePhilipsFloatNotDisplayScaling": 1,
    "WaterFatShift": 12,
    "acq_id": "seq",
    "dataset": "ds002790",
    "modality": "bold",
    "subject_id": "0157",
    "task_id": "emomatching"
  },
  "dummy_trs": 0,
  "dvars_nstd": 20.004806162910448,
  "dvars_std": 1.2941932373880598,
  "dvars_vstd": 1.0345125210447763,
  "efc": 0.4389171957344676,
  "fber": 185486.671875,
  "fd_mean": 0.13906367478401238,
  "fd_num": 17,
  "fd_perc": 12.592592592592593,
  "fwhm_avg": 1.923667483234096,
  "fwhm_x": 1.8969833333333332,
  "fwhm_y": 2.1120433333333333,
  "fwhm_z": 1.761975783035622,
  "gcor": 0.0186627,
  "gsr_x": -0.015531081706285477,
  "gsr_y": 0.019503148272633553,
  "provenance": {
    "md5sum": "d8178e89bed5f266055e9a0b3685735c",
    "settings": {
      "fd_thres": 0.2,
      "testing": false
    },
    "software": "mriqc",
    "version": "22.0.0rc1",
    "webapi_port": null,
    "webapi_url": "https://mriqc.nimh.nih.gov/api/v1"
  },
  "size_t": 135,
  "size_x": 80,
  "size_y": 80,
  "size_z": 36,
  "snr": 6.273393020175771,
  "spacing_tr": 2.0,
  "spacing_x": 3.0,
  "spacing_y": 3.0,
  "spacing_z": 3.299999952316284,
  "summary_bg_k": 94.56518150922307,
  "summary_bg_mad": 64.62967934166734,
  "summary_bg_mean": 580.9854125976562,
  "summary_bg_median": 59.836219787597656,
  "summary_bg_n": 152219.0,
  "summary_bg_p05": 7.612895727157594,
  "summary_bg_p95": 2475.9442138671907,
  "summary_bg_stdv": 1736.8563232421875,
  "summary_fg_k": 2.6521542274230976,
  "summary_fg_mad": 3804.3167527809624,
  "summary_fg_mean": 26650.7578125,
  "summary_fg_median": 26287.88671875,
  "summary_fg_n": 37089.0,
  "summary_fg_p05": 20851.07734375,
  "summary_fg_p95": 33441.63671875,
  "summary_fg_stdv": 4190.3212890625,
  "tsnr": 92.17601776123047
}