{
  "aor": 0.0023220000000000003,
  "aqi": 0.006374015624999998,
  "bids_meta": {
    "AcquisitionNumber": 3,
    "BidsifyVersion": "0.3.5",
    "ConversionSoftware": "dcm2niix",
    "ConversionSoftwareVersion": "v1.0.20181125  GCC6.3.0",
    "EchoTime": 0.02763,
    "EffectiveEchoSpacing": 0.0006909035636805814,
    "FlipAngle": 76.1,
    "ImageComments": "PIOP2",
    "ImageOrientationPatientDICOM": [
      0.999201,
      0.0326176,
      -0.0230946,
      -0.0352421,
      0.991625,
      -0.12425
    ],
    "Manufacturer": "Philips",
    "NumberOfVolumesDiscardedByScanner": 2,
    "ParallelAcquisitionTechnique": "SENSE",
    "ParallelReductionFactorInPlane": 2,
    "PatientPosition": "HFS",
    "PhaseEncodingDirection": "j",
    "PhilipsRescaleIntercept": 0,
    "PhilipsRescaleSlope": 0.76313,
    "PhilipsScaleSlope": 0.0523152,
    "ProtocolName": "WIPtask-wm_boldSENSE",
    "PulseSequenceType": "gradient echo EPI",
    "ReconMatrixPE": 80,
    "RepetitionTime": 2,
    "SeriesDescription": "ImageMRSERIES",
    "SeriesNumber": 3,
    "SliceEncodingDirection": "k",
    "SliceTiming": [
      0.0,
      0.0556,
      0.1111,
      0.1667,
      0.2222,
      0.2778,
      0.3333,
      0.3889,
      0.4444,
      0.5,
      0.5556,
      0.6111,
      0.6667,
      0.7222,
      0.7778,
      0.8333,
      0.8889,
      0.9444,
      1.0,
      1.0556,
      1.1111,
      1.1667,
      1.2222,
      1.2778,
      1.3333,
      1.3889,
      1.4444,
      1.5,
      1.5556,
      1.6111,
      1.6667,
      1.7222,
      1.7778,
      1.8333,
      1.8889,
      1.9444
    ],
    "TaskName": "workingmemory",
    "TotalReadoutTime": 0.026945238983542674,
    "UsePhilipsFloatNotDisplayScaling": 1,
    "WaterFatShift": 12,
    "acq_id": "seq",
    "dataset": "ds002790",
    "modality": "bold",
    "subject_id": "0157",
    "task_id": "workingmemory"
  },
  "dummy_trs": 0,
  "dvars_nstd": 18.887722303081766,
  "dvars_std": 1.2061696229559755,
  "dvars_vstd": 0.9824279262893082,
  "efc": 0.4386983816331045,
  "fber": 183661.359375,
  "fd_mean": 0.12443728848069169,
  "fd_num": 14,
  "fd_perc": 8.75,
  "fwhm_avg": 1.9326013216266922,
  "fwhm_x": 1.9167166666666666,
  "fwhm_y": 2.1172933333333335,
  "fwhm_z": 1.7637939648800758,
  "gcor": 0.00582032,
  "gsr_x": -0.01552056334912777,
  "gsr_y": 0.018361732363700867,
  "provenance": {
    "md5sum": "c59ecff915a68a65a863a689d1fc7731",
    "settings": {
      "fd_thres": 0.2,
      "testing": false
    },
    "software": "mriqc",
    "version": "22.0.0rc1",
    "webapi_port": null,
    "webapi_url": "https://mriqc.nimh.nih.gov/api/v1"
  },
  "size_t": 160,
  "size_x": 80,
  "size_y": 80,
  "size_z": 36,
  "snr": 6.161562724790632,
  "spacing_tr": 2.0,
  "spacing_x": 3.0,
  "spacing_y": 3.0,
  "spacing_z": 3.299999952316284,
  "summary_bg_k": 88.5111718428576,
  "summary_bg_mad": 65.52191071865141,
  "summary_bg_mean": 586.9828491210938,
  "summary_bg_median": 61.18750762939453,
  "summary_bg_n": 152125.0,
  "summary_bg_p05": 8.06544933319092,
  "summary_bg_p95": 2510.867724609373,
  "summary_bg_stdv": 1747.7989501953125,
  "summary_fg_k": 2.6397180546045833,
  "summary_fg_mad": 3949.2860031054843,
  "summary_fg_mean": 27104.037109375,
  "summary_fg_median": 26710.1953125,
  "summary_fg_n": 37156.0,
  "summary_fg_p05": 21085.11279296875,
  "summary_fg_p95": 34127.6708984375,
  "summary_fg_stdv": 4334.91259765625,
  "tsnr": 84.27900695800781
}