{
  "bids_meta": {
    "AcquisitionNumber": 2,
    "BidsifyVersion": "0.3.5",
    "ConversionSoftware": "dcm2niix",
    "ConversionSoftwareVersion": "v1.0.20181125  GCC6.3.0",
    "EchoTime": 0.00373,
    "ImageComments": "PIOP2",
    "ImageOrientationPatientDICOM": [
      0.999145,
      0.00849826,
      0.0404665,
      -0.0106378,
      0.99854,
      0.0529539
    ],
    "Manufacturer": "Philips",
    "PatientPosition": "HFS",
    "PhilipsRescaleIntercept": 0,
    "PhilipsRescaleSlope": 8.67692,
    "PhilipsScaleSlope": 0.00705424,
    "ProtocolName": "WIPT1anat_acq-6m_T1wSENSE",
    "ReconMatrixPE": 240,
    "RepetitionTime": 0.008164,
    "SeriesDescription": "ImageMRSERIES",
    "SeriesNumber": 2,
    "UsePhilipsFloatNotDisplayScaling": 1,
    "dataset": "ds002790",
    "modality": "T1w",
    "subject_id": "0207"
  },
  "cjv": 0.23366297008898784,
  "cnr": 5.595244384835939,
  "efc": 0.7469165054291288,
  "fber": -1.0,
  "fwhm_avg": 5.267363333333333,
  "fwhm_x": 4.82649,
  "fwhm_y": 5.25285,
  "fwhm_z": 5.72275,
  "icvs_csf": 0.25712130317439885,
  "icvs_gm": 0.4255367942566567,
  "icvs_wm": 0.31734190256894446,
  "inu_med": 0.5648368000984192,
  "inu_range": 0.17459551095962522,
  "provenance": {
    "md5sum": "37ceb22e8c65621062d05f6bf50c8d7b",
    "settings": {
      "testing": false
    },
    "software": "mriqc",
    "version": "23.0.1",
    "warnings": {
      "large_rot_frame": true,
      "small_air_mask": true
    },
    "webapi_port": null,
    "webapi_url": "https://mriqc.nimh.nih.gov/api/v1"
  },
  "qi_1": 0.0,
  "qi_2": 0.00017903300862570772,
  "rpve_csf": 19.96348579676105,
  "rpve_gm": 12.134170507338743,
  "rpve_wm": 19.687525218876388,
  "size_x": 240,
  "size_y": 240,
  "size_z": 220,
  "snr_csf": 1.5608695870575098,
  "snr_gm": 9.945618229043037,
  "snr_total": 13.012367227582942,
  "snr_wm": 27.530613866648277,
  "snrd_csf": 26.401813426086576,
  "snrd_gm": 119.1828539139206,
  "snrd_total": 114.32988727869628,
  "snrd_wm": 197.40499449608163,
  "spacing_x": 1.0,
  "spacing_y": 1.0,
  "spacing_z": 1.0,
  "summary_bg_k": 1584.910868506342,
  "summary_bg_mad": 0.0,
  "summary_bg_mean": 0.6026193707401313,
  "summary_bg_median": 0.0,
  "summary_bg_n": 123134.0,
  "summary_bg_p05": 0.0,
  "summary_bg_p95": 4.783639203757048,
  "summary_bg_stdv": 3.3187428670861405,
  "summary_csf_k": 0.6158174686927711,
  "summary_csf_mad": 75.34685397423688,
  "summary_csf_mean": 153.17034220592635,
  "summary_csf_median": 133.7444080132991,
  "summary_csf_n": 48308.0,
  "summary_csf_p05": 41.37079895781353,
  "summary_csf_p95": 318.6090227744542,
  "summary_csf_stdv": 85.68494435839622,
  "summary_gm_k": 0.23799532331228468,
  "summary_gm_mad": 60.34905618402824,
  "summary_gm_mean": 605.0244016946062,
  "summary_gm_median": 603.7479314319789,
  "summary_gm_n": 48476.0,
  "summary_gm_p05": 509.03516669245437,
  "summary_gm_p95": 706.1573083307594,
  "summary_gm_stdv": 60.70429109673681,
  "summary_wm_k": 0.9582587572395056,
  "summary_wm_mad": 32.240385271359564,
  "summary_wm_mean": 999.0638321847194,
  "summary_wm_median": 1000.000026576221,
  "summary_wm_n": 208110.0,
  "summary_wm_p05": 936.4522323831916,
  "summary_wm_p95": 1056.350418664515,
  "summary_wm_stdv": 36.323113928423815,
  "tpm_overlap_csf": 0.17690436237899418,
  "tpm_overlap_gm": 0.4975968604896945,
  "tpm_overlap_wm": 0.5355742464743608,
  "wm2max": 0.814498400386052
}