{
  "bids_meta": {
    "AcquisitionNumber": 2,
    "BidsifyVersion": "0.3.5",
    "ConversionSoftware": "dcm2niix",
    "ConversionSoftwareVersion": "v1.0.20181125  GCC6.3.0",
    "EchoTime": 0.00374,
    "ImageComments": "PIOP2",
    "ImageOrientationPatientDICOM": [
      0.999949,
      0.00985925,
      -0.00205653,
      -0.0099482,
      0.998749,
      -0.0490061
    ],
    "Manufacturer": "Philips",
    "NumberSignalAcquisitions": 2,
    "PatientPosition": "HFS",
    "PhilipsRescaleIntercept": 0,
    "PhilipsRescaleSlope": 8.7011,
    "PhilipsScaleSlope": 0.00693019,
    "ProtocolName": "WIPT1anat_acq-6m_T1wSENSE",
    "ReconMatrixPE": 240,
    "RepetitionTime": 0.008157,
    "SeriesDescription": "ImageMRSERIES",
    "SeriesNumber": 2,
    "UsePhilipsFloatNotDisplayScaling": 1,
    "dataset": "ds002790",
    "modality": "T1w",
    "subject_id": "0024"
  },
  "cjv": 0.2543335999697367,
  "cnr": 4.615815412606162,
  "efc": 0.7642405254397476,
  "fber": 864.7745971679688,
  "fwhm_avg": 4.674806666666666,
  "fwhm_x": 4.38851,
  "fwhm_y": 4.76037,
  "fwhm_z": 4.87554,
  "icvs_csf": 0.26550583592283317,
  "icvs_gm": 0.38864535319694277,
  "icvs_wm": 0.345848810880224,
  "inu_med": 1.7248821258544922,
  "inu_range": 0.3933485329151152,
  "provenance": {
    "md5sum": "84d77cfd5da2492c68de508b206f8b0a",
    "settings": {
      "testing": false
    },
    "software": "mriqc",
    "version": "22.0.0rc1",
    "warnings": {
      "large_rot_frame": true,
      "small_air_mask": true
    },
    "webapi_port": null,
    "webapi_url": "https://mriqc.nimh.nih.gov/api/v1"
  },
  "qi_1": 2.3563311251144505e-05,
  "qi_2": 8.92869386665703e-05,
  "rpve_csf": 23.024964210989978,
  "rpve_gm": 15.014175059213187,
  "rpve_wm": 22.17390722953678,
  "size_x": 240,
  "size_y": 240,
  "size_z": 220,
  "snr_csf": 3.1080776144139572,
  "snr_gm": 9.355166426408262,
  "snr_total": 13.517185400622594,
  "snr_wm": 28.088312161045565,
  "snrd_csf": 27.3743433773083,
  "snrd_gm": 54.68852708770255,
  "snrd_total": 55.74849352215947,
  "snrd_wm": 85.18261010146756,
  "spacing_x": 1.0,
  "spacing_y": 1.0,
  "spacing_z": 1.0,
  "summary_bg_k": 5.8890624712044275,
  "summary_bg_mad": 7.690901448041461,
  "summary_bg_mean": 8.273259162902832,
  "summary_bg_median": 5.367588996887207,
  "summary_bg_n": 140551.0,
  "summary_bg_p05": 0.0,
  "summary_bg_p95": 21.161273956298828,
  "summary_bg_stdv": 6.164674282073975,
  "summary_csf_k": -0.5707906375518177,
  "summary_csf_mad": 108.32968287649446,
  "summary_csf_mean": 307.0013732910156,
  "summary_csf_median": 321.35809326171875,
  "summary_csf_n": 19623.0,
  "summary_csf_p05": 126.40169754028321,
  "summary_csf_p95": 457.919107055664,
  "summary_csf_stdv": 103.39185333251953,
  "summary_gm_k": 0.8530278765339454,
  "summary_gm_mad": 61.350087041030456,
  "summary_gm_mean": 648.451416015625,
  "summary_gm_median": 642.0099487304688,
  "summary_gm_n": 25809.0,
  "summary_gm_p05": 549.7904541015625,
  "summary_gm_p95": 777.5475463867188,
  "summary_gm_stdv": 68.62491607666016,
  "summary_wm_k": 1.7163003260082172,
  "summary_wm_mad": 29.696746853995204,
  "summary_wm_mean": 997.9849243164062,
  "summary_wm_median": 999.9918823242188,
  "summary_wm_n": 202086.0,
  "summary_wm_p05": 935.4956207275391,
  "summary_wm_p95": 1052.0120849609375,
  "summary_wm_stdv": 35.601619720458984,
  "tpm_overlap_csf": 0.17225593328475952,
  "tpm_overlap_gm": 0.4504711627960205,
  "tpm_overlap_wm": 0.5203508734703064,
  "wm2max": 0.7809753031567326
}