{
  "aor": 0.00222287610619469,
  "aqi": 0.009363214247787612,
  "bids_meta": {
    "AcquisitionNumber": 7,
    "BidsifyVersion": "0.3.5",
    "ConversionSoftware": "dcm2niix",
    "ConversionSoftwareVersion": "v1.0.20181125  GCC6.3.0",
    "EchoTime": 0.02763,
    "EffectiveEchoSpacing": 0.0006909035636805814,
    "FlipAngle": 76.1,
    "ImageComments": "PIOP2",
    "ImageOrientationPatientDICOM": [
      0.995404,
      0.0948282,
      0.0133829,
      -0.0930418,
      0.990685,
      -0.0994336
    ],
    "Manufacturer": "Philips",
    "NumberOfVolumesDiscardedByScanner": 2,
    "ParallelAcquisitionTechnique": "SENSE",
    "ParallelReductionFactorInPlane": 2,
    "PatientPosition": "HFS",
    "PhaseEncodingDirection": "j",
    "PhilipsRescaleIntercept": 0,
    "PhilipsRescaleSlope": 0.74652,
    "PhilipsScaleSlope": 0.0556565,
    "ProtocolName": "WIPtask-stop_boldSENSE",
    "PulseSequenceType": "gradient echo EPI",
    "ReconMatrixPE": 80,
    "RepetitionTime": 2,
    "SeriesDescription": "ImageMRSERIES",
    "SeriesNumber": 7,
    "SliceEncodingDirection": "k",
    "SliceTiming": [
      0.0,
      0.0556,
      0.1111,
      0.1667,
      0.2222,
      0.2778,
      0.3333,
      0.3889,
      0.4444,
      0.5,
      0.5556,
      0.6111,
      0.6667,
      0.7222,
      0.7778,
      0.8333,
      0.8889,
      0.9444,
      1.0,
      1.0556,
      1.1111,
      1.1667,
      1.2222,
      1.2778,
      1.3333,
      1.3889,
      1.4444,
      1.5,
      1.5556,
      1.6111,
      1.6667,
      1.7222,
      1.7778,
      1.8333,
      1.8889,
      1.9444
    ],
    "TaskName": "stopsignal",
    "TotalReadoutTime": 0.026945238983542674,
    "UsePhilipsFloatNotDisplayScaling": 1,
    "WaterFatShift": 12,
    "acq_id": "seq",
    "dataset": "ds002790",
    "modality": "bold",
    "subject_id": "0188",
    "task_id": "stopsignal"
  },
  "dummy_trs": 0,
  "dvars_nstd": 17.415842946399998,
  "dvars_std": 1.0806329751999995,
  "dvars_vstd": 0.9733054980444448,
  "efc": 0.43515620479004824,
  "fber": 231231.609375,
  "fd_mean": 0.1950709483402613,
  "fd_num": 92,
  "fd_perc": 40.70796460176991,
  "fwhm_avg": 2.0760371808590468,
  "fwhm_x": 2.039946666666667,
  "fwhm_y": 2.2901466666666668,
  "fwhm_z": 1.8980182092438065,
  "gcor": 0.0198135,
  "gsr_x": -0.01171205472201109,
  "gsr_y": 0.015113554894924164,
  "provenance": {
    "md5sum": "d927ff5a8761088a6d58b7fc8dce6cb4",
    "settings": {
      "fd_thres": 0.2,
      "testing": false
    },
    "software": "mriqc",
    "version": "22.0.0rc1",
    "webapi_port": null,
    "webapi_url": "https://mriqc.nimh.nih.gov/api/v1"
  },
  "size_t": 226,
  "size_x": 80,
  "size_y": 80,
  "size_z": 36,
  "snr": 5.092271176580597,
  "spacing_tr": 2.0,
  "spacing_x": 3.0,
  "spacing_y": 3.0,
  "spacing_z": 3.299999952316284,
  "summary_bg_k": 70.38758814529307,
  "summary_bg_mad": 56.88516064630384,
  "summary_bg_mean": 639.797119140625,
  "summary_bg_median": 51.12538146972656,
  "summary_bg_n": 153968.0,
  "summary_bg_p05": 4.008363437652588,
  "summary_bg_p95": 3770.171166992187,
  "summary_bg_stdv": 1806.54931640625,
  "summary_fg_k": 3.059761326663061,
  "summary_fg_mad": 4005.481549889525,
  "summary_fg_mean": 25563.748046875,
  "summary_fg_median": 24932.1015625,
  "summary_fg_n": 36200.0,
  "summary_fg_p05": 19292.72470703125,
  "summary_fg_p95": 34172.235546874974,
  "summary_fg_stdv": 4895.99951171875,
  "tsnr": 67.93658447265625
}