{
  "aor": 0.0018458518518518518,
  "aqi": 0.005735675259259259,
  "bids_meta": {
    "AcquisitionNumber": 8,
    "BidsifyVersion": "0.3.5",
    "ConversionSoftware": "dcm2niix",
    "ConversionSoftwareVersion": "v1.0.20181125  GCC6.3.0",
    "EchoTime": 0.02763,
    "EffectiveEchoSpacing": 0.0006909035636805814,
    "FlipAngle": 76.1,
    "ImageComments": "PIOP2",
    "ImageOrientationPatientDICOM": [
      0.995404,
      0.0948282,
      0.0133829,
      -0.0930418,
      0.990685,
      -0.0994336
    ],
    "Manufacturer": "Philips",
    "NumberOfVolumesDiscardedByScanner": 2,
    "ParallelAcquisitionTechnique": "SENSE",
    "ParallelReductionFactorInPlane": 2,
    "PatientPosition": "HFS",
    "PhaseEncodingDirection": "j",
    "PhilipsRescaleIntercept": 0,
    "PhilipsRescaleSlope": 0.74505,
    "PhilipsScaleSlope": 0.05414,
    "ProtocolName": "WIPtask-harriri_boldSENSE",
    "PulseSequenceType": "gradient echo EPI",
    "ReconMatrixPE": 80,
    "RepetitionTime": 2,
    "SeriesDescription": "ImageMRSERIES",
    "SeriesNumber": 8,
    "SliceEncodingDirection": "k",
    "SliceTiming": [
      0.0,
      0.0556,
      0.1111,
      0.1667,
      0.2222,
      0.2778,
      0.3333,
      0.3889,
      0.4444,
      0.5,
      0.5556,
      0.6111,
      0.6667,
      0.7222,
      0.7778,
      0.8333,
      0.8889,
      0.9444,
      1.0,
      1.0556,
      1.1111,
      1.1667,
      1.2222,
      1.2778,
      1.3333,
      1.3889,
      1.4444,
      1.5,
      1.5556,
      1.6111,
      1.6667,
      1.7222,
      1.7778,
      1.8333,
      1.8889,
      1.9444
    ],
    "TaskName": "emomatching",
    "TotalReadoutTime": 0.026945238983542674,
    "UsePhilipsFloatNotDisplayScaling": 1,
    "WaterFatShift": 12,
    "acq_id": "seq",
    "dataset": "ds002790",
    "modality": "bold",
    "subject_id": "0188",
    "task_id": "emomatching"
  },
  "dummy_trs": 0,
  "dvars_nstd": 18.304444327537304,
  "dvars_std": 1.1373071891791042,
  "dvars_vstd": 0.9856927116417907,
  "efc": 0.4338488811577137,
  "fber": 231994.8125,
  "fd_mean": 0.18529505397677834,
  "fd_num": 46,
  "fd_perc": 34.074074074074076,
  "fwhm_avg": 2.1097664741233513,
  "fwhm_x": 2.047753333333333,
  "fwhm_y": 2.313973333333333,
  "fwhm_z": 1.967572755703388,
  "gcor": 0.018583,
  "gsr_x": -0.011792514473199844,
  "gsr_y": 0.014902222901582718,
  "provenance": {
    "md5sum": "bae20fc885c1679790b195540985563c",
    "settings": {
      "fd_thres": 0.2,
      "testing": false
    },
    "software": "mriqc",
    "version": "22.0.0rc1",
    "webapi_port": null,
    "webapi_url": "https://mriqc.nimh.nih.gov/api/v1"
  },
  "size_t": 135,
  "size_x": 80,
  "size_y": 80,
  "size_z": 36,
  "snr": 4.914675341786183,
  "spacing_tr": 2.0,
  "spacing_x": 3.0,
  "spacing_y": 3.0,
  "spacing_z": 3.299999952316284,
  "summary_bg_k": 70.84677421378349,
  "summary_bg_mad": 56.49802803023304,
  "summary_bg_mean": 643.2510375976562,
  "summary_bg_median": 51.559181213378906,
  "summary_bg_n": 154158.0,
  "summary_bg_p05": 4.509920525550843,
  "summary_bg_p95": 3791.830383300781,
  "summary_bg_stdv": 1810.945068359375,
  "summary_fg_k": 3.237946713331066,
  "summary_fg_mad": 4115.243341085726,
  "summary_fg_mean": 25803.689453125,
  "summary_fg_median": 25134.501953125,
  "summary_fg_n": 36081.0,
  "summary_fg_p05": 19315.7734375,
  "summary_fg_p95": 34823.74609375,
  "summary_fg_stdv": 5114.1025390625,
  "tsnr": 77.13522338867188
}