{
  "aor": 0.00605675,
  "aqi": 0.004981030791666666,
  "bids_meta": {
    "AcquisitionNumber": 4,
    "BidsifyVersion": "0.3.5",
    "ConversionSoftware": "dcm2niix",
    "ConversionSoftwareVersion": "v1.0.20181125  GCC6.3.0",
    "EchoTime": 0.02763,
    "EffectiveEchoSpacing": 0.0006909035636805814,
    "FlipAngle": 76.1,
    "ImageComments": "PIOP2",
    "ImageOrientationPatientDICOM": [
      0.995404,
      0.0948282,
      0.0133829,
      -0.0930418,
      0.990685,
      -0.0994336
    ],
    "Manufacturer": "Philips",
    "NumberOfVolumesDiscardedByScanner": 2,
    "ParallelAcquisitionTechnique": "SENSE",
    "ParallelReductionFactorInPlane": 2,
    "PatientPosition": "HFS",
    "PhaseEncodingDirection": "j",
    "PhilipsRescaleIntercept": 0,
    "PhilipsRescaleSlope": 0.74261,
    "PhilipsScaleSlope": 0.0523231,
    "ProtocolName": "WIPtask-rest_boldSENSE",
    "PulseSequenceType": "gradient echo EPI",
    "ReconMatrixPE": 80,
    "RepetitionTime": 2,
    "SeriesDescription": "ImageMRSERIES",
    "SeriesNumber": 4,
    "SliceEncodingDirection": "k",
    "SliceTiming": [
      0.0,
      0.0556,
      0.1111,
      0.1667,
      0.2222,
      0.2778,
      0.3333,
      0.3889,
      0.4444,
      0.5,
      0.5556,
      0.6111,
      0.6667,
      0.7222,
      0.7778,
      0.8333,
      0.8889,
      0.9444,
      1.0,
      1.0556,
      1.1111,
      1.1667,
      1.2222,
      1.2778,
      1.3333,
      1.3889,
      1.4444,
      1.5,
      1.5556,
      1.6111,
      1.6667,
      1.7222,
      1.7778,
      1.8333,
      1.8889,
      1.9444
    ],
    "TaskName": "restingstate",
    "TotalReadoutTime": 0.026945238983542674,
    "UsePhilipsFloatNotDisplayScaling": 1,
    "WaterFatShift": 12,
    "acq_id": "seq",
    "dataset": "ds002790",
    "modality": "bold",
    "subject_id": "0188",
    "task_id": "restingstate"
  },
  "dummy_trs": 0,
  "dvars_nstd": 18.35139804907949,
  "dvars_std": 1.2360720269037657,
  "dvars_vstd": 1.062609563974896,
  "efc": 0.43424502859988406,
  "fber": 235518.515625,
  "fd_mean": 0.16824189578039472,
  "fd_num": 60,
  "fd_perc": 25.0,
  "fwhm_avg": 2.118871726625689,
  "fwhm_x": 2.0669,
  "fwhm_y": 2.3268999999999997,
  "fwhm_z": 1.962815179877067,
  "gcor": 0.0700023,
  "gsr_x": -0.011341877281665802,
  "gsr_y": 0.014442323707044125,
  "provenance": {
    "md5sum": "8cb48afc8aa4a56c1a4fb52c8d18b35b",
    "settings": {
      "fd_thres": 0.2,
      "testing": false
    },
    "software": "mriqc",
    "version": "22.0.0rc1",
    "webapi_port": null,
    "webapi_url": "https://mriqc.nimh.nih.gov/api/v1"
  },
  "size_t": 240,
  "size_x": 80,
  "size_y": 80,
  "size_z": 36,
  "snr": 4.84803461847601,
  "spacing_tr": 2.0,
  "spacing_x": 3.0,
  "spacing_y": 3.0,
  "spacing_z": 3.299999952316284,
  "summary_bg_k": 64.42418812661454,
  "summary_bg_mad": 59.35731857356003,
  "summary_bg_mean": 654.5369262695312,
  "summary_bg_median": 52.08948516845703,
  "summary_bg_n": 153879.0,
  "summary_bg_p05": 3.506478643417359,
  "summary_bg_p95": 3780.545532226564,
  "summary_bg_stdv": 1868.6903076171875,
  "summary_fg_k": 3.157915194306283,
  "summary_fg_mad": 4307.3011382388195,
  "summary_fg_mean": 26302.078125,
  "summary_fg_median": 25610.380859375,
  "summary_fg_n": 36181.0,
  "summary_fg_p05": 19544.56640625,
  "summary_fg_p95": 35440.64453125,
  "summary_fg_stdv": 5282.55859375,
  "tsnr": 77.20870971679688
}