{
  "aor": 0.004402041666666666,
  "aqi": 0.004689433541666667,
  "bids_meta": {
    "AcquisitionNumber": 4,
    "BidsifyVersion": "0.3.5",
    "ConversionSoftware": "dcm2niix",
    "ConversionSoftwareVersion": "v1.0.20181125  GCC6.3.0",
    "EchoTime": 0.02763,
    "EffectiveEchoSpacing": 0.0006909035636805814,
    "FlipAngle": 76.1,
    "ImageComments": "PIOP2",
    "ImageOrientationPatientDICOM": [
      0.998951,
      0.0379815,
      -0.0255938,
      -0.035757,
      0.995959,
      0.0823849
    ],
    "Manufacturer": "Philips",
    "NumberOfVolumesDiscardedByScanner": 2,
    "ParallelAcquisitionTechnique": "SENSE",
    "ParallelReductionFactorInPlane": 2,
    "PatientPosition": "HFS",
    "PhaseEncodingDirection": "j",
    "PhilipsRescaleIntercept": 0,
    "PhilipsRescaleSlope": 0.76777,
    "PhilipsScaleSlope": 0.0560947,
    "ProtocolName": "WIPtask-rest_boldSENSE",
    "PulseSequenceType": "gradient echo EPI",
    "ReconMatrixPE": 80,
    "RepetitionTime": 2,
    "SeriesDescription": "ImageMRSERIES",
    "SeriesNumber": 4,
    "SliceEncodingDirection": "k",
    "SliceTiming": [
      0.0,
      0.0556,
      0.1111,
      0.1667,
      0.2222,
      0.2778,
      0.3333,
      0.3889,
      0.4444,
      0.5,
      0.5556,
      0.6111,
      0.6667,
      0.7222,
      0.7778,
      0.8333,
      0.8889,
      0.9444,
      1.0,
      1.0556,
      1.1111,
      1.1667,
      1.2222,
      1.2778,
      1.3333,
      1.3889,
      1.4444,
      1.5,
      1.5556,
      1.6111,
      1.6667,
      1.7222,
      1.7778,
      1.8333,
      1.8889,
      1.9444
    ],
    "TaskName": "restingstate",
    "TotalReadoutTime": 0.026945238983542674,
    "UsePhilipsFloatNotDisplayScaling": 1,
    "WaterFatShift": 12,
    "acq_id": "seq",
    "dataset": "ds002790",
    "modality": "bold",
    "subject_id": "0051",
    "task_id": "restingstate"
  },
  "dummy_trs": 0,
  "dvars_nstd": 20.847801495941425,
  "dvars_std": 1.2201761088284522,
  "dvars_vstd": 1.0268030248953974,
  "efc": 0.4449606583197999,
  "fber": 184573.5625,
  "fd_mean": 0.2805174547463755,
  "fd_num": 172,
  "fd_perc": 71.66666666666667,
  "fwhm_avg": 2.051989705809692,
  "fwhm_x": 1.99646,
  "fwhm_y": 2.3241666666666667,
  "fwhm_z": 1.8353424507624085,
  "gcor": 0.0251204,
  "gsr_x": -0.019753973931074142,
  "gsr_y": 0.025634506717324257,
  "provenance": {
    "md5sum": "1cedf57aba75280c51ef44a2078d18fa",
    "settings": {
      "fd_thres": 0.2,
      "testing": false
    },
    "software": "mriqc",
    "version": "22.0.0rc1",
    "webapi_port": null,
    "webapi_url": "https://mriqc.nimh.nih.gov/api/v1"
  },
  "size_t": 240,
  "size_x": 80,
  "size_y": 80,
  "size_z": 36,
  "snr": 5.627707237820729,
  "spacing_tr": 2.0,
  "spacing_x": 3.0,
  "spacing_y": 3.0,
  "spacing_z": 3.299999952316284,
  "summary_bg_k": 90.132444066471,
  "summary_bg_mad": 64.30447357874415,
  "summary_bg_mean": 543.1273193359375,
  "summary_bg_median": 55.94576644897461,
  "summary_bg_n": 150493.0,
  "summary_bg_p05": 3.8408021926879883,
  "summary_bg_p95": 2504.1831054687495,
  "summary_bg_stdv": 1651.4986572265625,
  "summary_fg_k": 2.3911661649056386,
  "summary_fg_mad": 3723.6365515856437,
  "summary_fg_mean": 24982.478515625,
  "summary_fg_median": 24430.876953125,
  "summary_fg_n": 38705.0,
  "summary_fg_p05": 19204.71328125,
  "summary_fg_p95": 32630.526953124998,
  "summary_fg_stdv": 4341.12158203125,
  "tsnr": 82.0692138671875
}