{
  "aor": 0.004593750000000001,
  "aqi": 0.0045661795625,
  "bids_meta": {
    "AcquisitionNumber": 3,
    "BidsifyVersion": "0.3.5",
    "ConversionSoftware": "dcm2niix",
    "ConversionSoftwareVersion": "v1.0.20181125  GCC6.3.0",
    "EchoTime": 0.02763,
    "EffectiveEchoSpacing": 0.0006909035636805814,
    "FlipAngle": 76.1,
    "ImageComments": "PIOP2",
    "ImageOrientationPatientDICOM": [
      0.998951,
      0.0379815,
      -0.0255938,
      -0.035757,
      0.995959,
      0.0823849
    ],
    "Manufacturer": "Philips",
    "NumberOfVolumesDiscardedByScanner": 2,
    "ParallelAcquisitionTechnique": "SENSE",
    "ParallelReductionFactorInPlane": 2,
    "PatientPosition": "HFS",
    "PhaseEncodingDirection": "j",
    "PhilipsRescaleIntercept": 0,
    "PhilipsRescaleSlope": 0.75165,
    "PhilipsScaleSlope": 0.0566747,
    "ProtocolName": "WIPtask-wm_boldSENSE",
    "PulseSequenceType": "gradient echo EPI",
    "ReconMatrixPE": 80,
    "RepetitionTime": 2,
    "SeriesDescription": "ImageMRSERIES",
    "SeriesNumber": 3,
    "SliceEncodingDirection": "k",
    "SliceTiming": [
      0.0,
      0.0556,
      0.1111,
      0.1667,
      0.2222,
      0.2778,
      0.3333,
      0.3889,
      0.4444,
      0.5,
      0.5556,
      0.6111,
      0.6667,
      0.7222,
      0.7778,
      0.8333,
      0.8889,
      0.9444,
      1.0,
      1.0556,
      1.1111,
      1.1667,
      1.2222,
      1.2778,
      1.3333,
      1.3889,
      1.4444,
      1.5,
      1.5556,
      1.6111,
      1.6667,
      1.7222,
      1.7778,
      1.8333,
      1.8889,
      1.9444
    ],
    "TaskName": "workingmemory",
    "TotalReadoutTime": 0.026945238983542674,
    "UsePhilipsFloatNotDisplayScaling": 1,
    "WaterFatShift": 12,
    "acq_id": "seq",
    "dataset": "ds002790",
    "modality": "bold",
    "subject_id": "0051",
    "task_id": "workingmemory"
  },
  "dummy_trs": 0,
  "dvars_nstd": 18.752314273710706,
  "dvars_std": 1.232055679119497,
  "dvars_vstd": 1.021935925849057,
  "efc": 0.44528583123323373,
  "fber": 185326.296875,
  "fd_mean": 0.18625434219661835,
  "fd_num": 62,
  "fd_perc": 38.75,
  "fwhm_avg": 2.0367401100428593,
  "fwhm_x": 1.97488,
  "fwhm_y": 2.2599766666666667,
  "fwhm_z": 1.8753636634619115,
  "gcor": 0.0393092,
  "gsr_x": -0.018091730773448944,
  "gsr_y": 0.0253466684371233,
  "provenance": {
    "md5sum": "3d29a1e1f0d9215131c3475a555d43ae",
    "settings": {
      "fd_thres": 0.2,
      "testing": false
    },
    "software": "mriqc",
    "version": "22.0.0rc1",
    "webapi_port": null,
    "webapi_url": "https://mriqc.nimh.nih.gov/api/v1"
  },
  "size_t": 160,
  "size_x": 80,
  "size_y": 80,
  "size_z": 36,
  "snr": 5.878788892852127,
  "spacing_tr": 2.0,
  "spacing_x": 3.0,
  "spacing_y": 3.0,
  "spacing_z": 3.299999952316284,
  "summary_bg_k": 90.22175958019253,
  "summary_bg_mad": 61.5801982234866,
  "summary_bg_mean": 527.3179321289062,
  "summary_bg_median": 55.236572265625,
  "summary_bg_n": 150347.0,
  "summary_bg_p05": 4.40801739692688,
  "summary_bg_p95": 2377.6501953124916,
  "summary_bg_stdv": 1618.3743896484375,
  "summary_fg_k": 2.3330224671405952,
  "summary_fg_mad": 3580.8781739053193,
  "summary_fg_mean": 24914.701171875,
  "summary_fg_median": 24424.458984375,
  "summary_fg_n": 39029.0,
  "summary_fg_p05": 19296.201953125,
  "summary_fg_p95": 32133.303124999995,
  "summary_fg_stdv": 4154.6220703125,
  "tsnr": 90.29822540283203
}