{
  "bids_meta": {
    "AcquisitionNumber": 2,
    "BidsifyVersion": "0.3.5",
    "ConversionSoftware": "dcm2niix",
    "ConversionSoftwareVersion": "v1.0.20181125  GCC6.3.0",
    "EchoTime": 0.00373,
    "ImageComments": "PIOP2",
    "ImageOrientationPatientDICOM": [
      0.998741,
      0.0419047,
      -0.0275909,
      -0.041685,
      0.999095,
      0.00848828
    ],
    "Manufacturer": "Philips",
    "NumberSignalAcquisitions": 2,
    "PatientPosition": "HFS",
    "PhilipsRescaleIntercept": 0,
    "PhilipsRescaleSlope": 8.83321,
    "PhilipsScaleSlope": 0.00672671,
    "ProtocolName": "WIPT1anat_acq-6m_T1wSENSE",
    "ReconMatrixPE": 240,
    "RepetitionTime": 0.008146,
    "SeriesDescription": "ImageMRSERIES",
    "SeriesNumber": 2,
    "UsePhilipsFloatNotDisplayScaling": 1,
    "dataset": "ds002790",
    "modality": "T1w",
    "subject_id": "0178"
  },
  "cjv": 0.2655402603391528,
  "cnr": 4.452691423409952,
  "efc": 0.7646707954265032,
  "fber": 1226.8079833984375,
  "fwhm_avg": 4.586820095380749,
  "fwhm_x": 4.37413,
  "fwhm_y": 4.58566,
  "fwhm_z": 4.800670286142247,
  "icvs_csf": 0.2541508973645736,
  "icvs_gm": 0.38503966539046225,
  "icvs_wm": 0.36080943724496417,
  "inu_med": 0.5948302745819092,
  "inu_range": 0.18340322375297546,
  "provenance": {
    "md5sum": "63b122d05079697f457326bf83d9590c",
    "settings": {
      "testing": false
    },
    "software": "mriqc",
    "version": "22.0.0rc1",
    "warnings": {
      "large_rot_frame": true,
      "small_air_mask": true
    },
    "webapi_port": null,
    "webapi_url": "https://mriqc.nimh.nih.gov/api/v1"
  },
  "qi_1": 0.00022448171134292882,
  "qi_2": 9.824219815113733e-05,
  "rpve_csf": 22.577141509230117,
  "rpve_gm": 14.42632642292792,
  "rpve_wm": 20.65676495706181,
  "size_x": 240,
  "size_y": 240,
  "size_z": 220,
  "snr_csf": 2.765823522170614,
  "snr_gm": 8.733911631217325,
  "snr_total": 13.350436055070924,
  "snr_wm": 28.551573011824836,
  "snrd_csf": 21.08991976156624,
  "snrd_gm": 41.71968590816904,
  "snrd_total": 42.76232430776961,
  "snrd_wm": 65.47736725357356,
  "spacing_x": 1.0,
  "spacing_y": 1.0,
  "spacing_z": 0.9999999403953552,
  "summary_bg_k": 308.5953168545351,
  "summary_bg_mad": 10.005590082631569,
  "summary_bg_mean": 10.042070388793945,
  "summary_bg_median": 6.908168792724609,
  "summary_bg_n": 137878.0,
  "summary_bg_p05": 0.0,
  "summary_bg_p95": 20.77075786590576,
  "summary_bg_stdv": 9.574031829833984,
  "summary_csf_k": 14.32237717966898,
  "summary_csf_mad": 120.66010293245766,
  "summary_csf_mean": 304.62884521484375,
  "summary_csf_median": 322.096435546875,
  "summary_csf_n": 13973.0,
  "summary_csf_p05": 103.44752044677735,
  "summary_csf_p95": 455.4652160644531,
  "summary_csf_stdv": 116.45172119140625,
  "summary_gm_k": 0.6694100535913248,
  "summary_gm_mad": 65.817620703605,
  "summary_gm_mean": 640.6193237304688,
  "summary_gm_median": 637.1651611328125,
  "summary_gm_n": 20590.0,
  "summary_gm_p05": 527.6631500244141,
  "summary_gm_p95": 770.0053833007812,
  "summary_gm_stdv": 72.95124053955078,
  "summary_wm_k": 1.4321843047674507,
  "summary_wm_mad": 30.530982074478793,
  "summary_wm_mean": 999.0787963867188,
  "summary_wm_median": 1000.0050659179688,
  "summary_wm_n": 228499.0,
  "summary_wm_p05": 939.4116760253906,
  "summary_wm_p95": 1053.726611328125,
  "summary_wm_stdv": 35.02444076538086,
  "tpm_overlap_csf": 0.1782045215368271,
  "tpm_overlap_gm": 0.45046859979629517,
  "tpm_overlap_wm": 0.5217305421829224,
  "wm2max": 0.6849965426814206
}