{
  "aor": 0.00301276150627615,
  "aqi": 0.006808692761506276,
  "bids_meta": {
    "AcquisitionNumber": 4,
    "BidsifyVersion": "0.3.5",
    "ConversionSoftware": "dcm2niix",
    "ConversionSoftwareVersion": "v1.0.20181125  GCC6.3.0",
    "EchoTime": 0.02763,
    "FlipAngle": 76.1,
    "ImageComments": "PIOP2",
    "ImageOrientationPatientDICOM": [
      0.99757,
      0.0696632,
      0.000834203,
      -0.0681824,
      0.978686,
      -0.193715
    ],
    "Manufacturer": "Philips",
    "NumberOfVolumesDiscardedByScanner": 2,
    "ParallelAcquisitionTechnique": "SENSE",
    "ParallelReductionFactorInPlane": 2,
    "PatientPosition": "HFS",
    "PhaseEncodingDirection": "j",
    "PhilipsRescaleIntercept": 0,
    "PhilipsRescaleSlope": 0.78803,
    "PhilipsScaleSlope": 0.0532686,
    "ProtocolName": "WIPtask-rest_boldSENSE",
    "PulseSequenceType": "gradient echo EPI",
    "ReconMatrixPE": 80,
    "RepetitionTime": 2,
    "SeriesDescription": "ImageMRSERIES",
    "SeriesNumber": 4,
    "SliceEncodingDirection": "k",
    "TaskName": "restingstate",
    "UsePhilipsFloatNotDisplayScaling": 1,
    "WaterFatShift": 12,
    "acq_id": "seq",
    "dataset": "ds002790",
    "modality": "bold",
    "subject_id": "0218",
    "task_id": "restingstate"
  },
  "dummy_trs": 1,
  "dvars_nstd": 16.684269348109243,
  "dvars_std": 1.169096785,
  "dvars_vstd": 0.9861664681932766,
  "efc": 0.41865604799706824,
  "fber": 256060.3125,
  "fd_mean": 0.0974560184142902,
  "fd_num": 7,
  "fd_perc": 2.928870292887029,
  "fwhm_avg": 2.0207012209418824,
  "fwhm_x": 2.01226,
  "fwhm_y": 2.2185133333333336,
  "fwhm_z": 1.8313303294923136,
  "gcor": 0.0333564,
  "gsr_x": -0.01698392815887928,
  "gsr_y": 0.01792112924158573,
  "provenance": {
    "md5sum": "2089f9a99c0ec175a1e8b1506fd475a0",
    "settings": {
      "fd_thres": 0.2,
      "testing": false
    },
    "software": "mriqc",
    "version": "23.0.1",
    "webapi_port": null,
    "webapi_url": "https://mriqc.nimh.nih.gov/api/v1"
  },
  "size_t": 239,
  "size_x": 80,
  "size_y": 80,
  "size_z": 36,
  "snr": 6.038993918085387,
  "spacing_tr": 2.0,
  "spacing_x": 3.0,
  "spacing_y": 3.0,
  "spacing_z": 3.299999952316284,
  "summary_bg_k": 70.70819735609741,
  "summary_bg_mad": 54.16699907964417,
  "summary_bg_mean": 558.1200561523438,
  "summary_bg_median": 51.52989196777344,
  "summary_bg_n": 156079.0,
  "summary_bg_p05": 5.174174451828003,
  "summary_bg_p95": 2737.761401367188,
  "summary_bg_stdv": 1709.1318359375,
  "summary_fg_k": 1.3633187356807683,
  "summary_fg_mad": 4098.540900467874,
  "summary_fg_mean": 27009.228515625,
  "summary_fg_median": 26751.595703125,
  "summary_fg_n": 33379.0,
  "summary_fg_p05": 20153.54140625,
  "summary_fg_p95": 34306.0140625,
  "summary_fg_stdv": 4429.74365234375,
  "tsnr": 75.55467224121094
}