{
  "bids_meta": {
    "AcquisitionNumber": 2,
    "BidsifyVersion": "0.3.5",
    "ConversionSoftware": "dcm2niix",
    "ConversionSoftwareVersion": "v1.0.20181125  GCC6.3.0",
    "EchoTime": 0.00373,
    "ImageComments": "PIOP2",
    "ImageOrientationPatientDICOM": [
      0.999933,
      -0.011222,
      -0.00281241,
      0.0113444,
      0.998777,
      0.0481237
    ],
    "Manufacturer": "Philips",
    "NumberSignalAcquisitions": 2,
    "PatientPosition": "HFS",
    "PhilipsRescaleIntercept": 0,
    "PhilipsRescaleSlope": 9.07619,
    "PhilipsScaleSlope": 0.00729119,
    "ProtocolName": "WIPT1anat_acq-6m_T1wSENSE",
    "ReconMatrixPE": 240,
    "RepetitionTime": 0.008132,
    "SeriesDescription": "ImageMRSERIES",
    "SeriesNumber": 2,
    "UsePhilipsFloatNotDisplayScaling": 1,
    "dataset": "ds002790",
    "modality": "T1w",
    "subject_id": "0100"
  },
  "cjv": 0.33064397924655214,
  "cnr": 3.6284758804689123,
  "efc": 0.7651036302567701,
  "fber": 444.61309814453125,
  "fwhm_avg": 4.417379824394803,
  "fwhm_x": 4.23562,
  "fwhm_y": 4.41924947318441,
  "fwhm_z": 4.59727,
  "icvs_csf": 0.2678447836062827,
  "icvs_gm": 0.39640169067331493,
  "icvs_wm": 0.3357535257204024,
  "inu_med": 0.6856846809387207,
  "inu_range": 0.27412113547325134,
  "provenance": {
    "md5sum": "36caf7912dd2b041b717312ef1f43770",
    "settings": {
      "testing": false
    },
    "software": "mriqc",
    "version": "22.0.0rc1",
    "warnings": {
      "large_rot_frame": true,
      "small_air_mask": true
    },
    "webapi_port": null,
    "webapi_url": "https://mriqc.nimh.nih.gov/api/v1"
  },
  "qi_1": 0.0,
  "qi_2": 0.00015344081467889514,
  "rpve_csf": 26.27184904524126,
  "rpve_gm": 16.769630993141497,
  "rpve_wm": 25.512955989096934,
  "size_x": 240,
  "size_y": 240,
  "size_z": 220,
  "snr_csf": 3.7582334171058083,
  "snr_gm": 8.105944859354846,
  "snr_total": 11.448294194972712,
  "snr_wm": 22.480704308457486,
  "snrd_csf": 19.853535643097253,
  "snrd_gm": 36.0046813988939,
  "snrd_total": 36.76984975241311,
  "snrd_wm": 54.45133221524818,
  "spacing_x": 1.0,
  "spacing_y": 1.0000001192092896,
  "spacing_z": 1.0,
  "summary_bg_k": 31.599155567018883,
  "summary_bg_mad": 12.03167579942518,
  "summary_bg_mean": 11.966086387634277,
  "summary_bg_median": 8.541135787963867,
  "summary_bg_n": 137160.0,
  "summary_bg_p05": 0.0,
  "summary_bg_p95": 25.455904293060303,
  "summary_bg_stdv": 9.19338321685791,
  "summary_csf_k": 0.3356794953851101,
  "summary_csf_mad": 87.66417250705493,
  "summary_csf_mean": 347.6411437988281,
  "summary_csf_median": 364.61309814453125,
  "summary_csf_n": 10832.0,
  "summary_csf_p05": 155.52053833007812,
  "summary_csf_p95": 478.00250244140625,
  "summary_csf_stdv": 97.0126724243164,
  "summary_gm_k": 0.22664312226016614,
  "summary_gm_mad": 76.0136328904342,
  "summary_gm_mean": 668.64453125,
  "summary_gm_median": 661.2312622070312,
  "summary_gm_n": 20684.0,
  "summary_gm_p05": 546.5977813720704,
  "summary_gm_p95": 816.6437438964842,
  "summary_gm_stdv": 81.57164764404297,
  "summary_wm_k": 1.5857129491882613,
  "summary_wm_mad": 36.000430517527846,
  "summary_wm_mean": 997.280029296875,
  "summary_wm_median": 1000.0067138671875,
  "summary_wm_n": 162344.0,
  "summary_wm_p05": 914.0552673339844,
  "summary_wm_p95": 1063.1196228027343,
  "summary_wm_stdv": 44.48275375366211,
  "tpm_overlap_csf": 0.15130974352359772,
  "tpm_overlap_gm": 0.438370943069458,
  "tpm_overlap_wm": 0.49910831451416016,
  "wm2max": 0.6139566094717565
}