{
  "aor": 0.0018743333333333335,
  "aqi": 0.004201384125,
  "bids_meta": {
    "AcquisitionNumber": 4,
    "BidsifyVersion": "0.3.5",
    "ConversionSoftware": "dcm2niix",
    "ConversionSoftwareVersion": "v1.0.20181125  GCC6.3.0",
    "EchoTime": 0.02763,
    "EffectiveEchoSpacing": 0.0006909035636805814,
    "FlipAngle": 76.1,
    "ImageComments": "PIOP2",
    "ImageOrientationPatientDICOM": [
      0.998611,
      0.0526011,
      0.00312632,
      -0.0507622,
      0.976225,
      -0.210732
    ],
    "Manufacturer": "Philips",
    "NumberOfVolumesDiscardedByScanner": 2,
    "ParallelAcquisitionTechnique": "SENSE",
    "ParallelReductionFactorInPlane": 2,
    "PatientPosition": "HFS",
    "PhaseEncodingDirection": "j",
    "PhilipsRescaleIntercept": 0,
    "PhilipsRescaleSlope": 0.79634,
    "PhilipsScaleSlope": 0.0575959,
    "ProtocolName": "WIPtask-rest_boldSENSE",
    "PulseSequenceType": "gradient echo EPI",
    "ReconMatrixPE": 80,
    "RepetitionTime": 2,
    "SeriesDescription": "ImageMRSERIES",
    "SeriesNumber": 4,
    "SliceEncodingDirection": "k",
    "SliceTiming": [
      0.0,
      0.0556,
      0.1111,
      0.1667,
      0.2222,
      0.2778,
      0.3333,
      0.3889,
      0.4444,
      0.5,
      0.5556,
      0.6111,
      0.6667,
      0.7222,
      0.7778,
      0.8333,
      0.8889,
      0.9444,
      1.0,
      1.0556,
      1.1111,
      1.1667,
      1.2222,
      1.2778,
      1.3333,
      1.3889,
      1.4444,
      1.5,
      1.5556,
      1.6111,
      1.6667,
      1.7222,
      1.7778,
      1.8333,
      1.8889,
      1.9444
    ],
    "TaskName": "restingstate",
    "TotalReadoutTime": 0.026945238983542674,
    "UsePhilipsFloatNotDisplayScaling": 1,
    "WaterFatShift": 12,
    "acq_id": "seq",
    "dataset": "ds002790",
    "modality": "bold",
    "subject_id": "0112",
    "task_id": "restingstate"
  },
  "dummy_trs": 0,
  "dvars_nstd": 17.02528675451883,
  "dvars_std": 1.2383936964853557,
  "dvars_vstd": 1.007290168284519,
  "efc": 0.41813669404564013,
  "fber": 263887.625,
  "fd_mean": 0.11102928948336635,
  "fd_num": 12,
  "fd_perc": 5.0,
  "fwhm_avg": 1.9535682915981605,
  "fwhm_x": 1.91261,
  "fwhm_y": 2.12731,
  "fwhm_z": 1.8207848747944813,
  "gcor": 0.0451527,
  "gsr_x": -0.019948523491621017,
  "gsr_y": 0.012413490563631058,
  "provenance": {
    "md5sum": "62edab3aa136b1d66b677670c4d2c1e0",
    "settings": {
      "fd_thres": 0.2,
      "testing": false
    },
    "software": "mriqc",
    "version": "22.0.0rc1",
    "webapi_port": null,
    "webapi_url": "https://mriqc.nimh.nih.gov/api/v1"
  },
  "size_t": 240,
  "size_x": 80,
  "size_y": 80,
  "size_z": 36,
  "snr": 6.5962243097306095,
  "spacing_tr": 2.0,
  "spacing_x": 3.0,
  "spacing_y": 3.0,
  "spacing_z": 3.299999952316284,
  "summary_bg_k": 44.12169049306013,
  "summary_bg_mad": 49.6551644863691,
  "summary_bg_mean": 529.9488525390625,
  "summary_bg_median": 49.81467819213867,
  "summary_bg_n": 156589.0,
  "summary_bg_p05": 4.872727966308593,
  "summary_bg_p95": 2694.2938476562517,
  "summary_bg_stdv": 1605.9169921875,
  "summary_fg_k": 2.4226028952724876,
  "summary_fg_mad": 3435.4832545844683,
  "summary_fg_mean": 26406.296875,
  "summary_fg_median": 26087.97265625,
  "summary_fg_n": 33564.0,
  "summary_fg_p05": 20497.12724609375,
  "summary_fg_p95": 32996.756640625,
  "summary_fg_stdv": 3954.9267578125,
  "tsnr": 100.09368896484375
}