{
  "aor": 0.0017104375000000002,
  "aqi": 0.0036637683125000002,
  "bids_meta": {
    "AcquisitionNumber": 3,
    "BidsifyVersion": "0.3.5",
    "ConversionSoftware": "dcm2niix",
    "ConversionSoftwareVersion": "v1.0.20181125  GCC6.3.0",
    "EchoTime": 0.02763,
    "EffectiveEchoSpacing": 0.0006909035636805814,
    "FlipAngle": 76.1,
    "ImageComments": "PIOP2",
    "ImageOrientationPatientDICOM": [
      0.998611,
      0.0526011,
      0.00312632,
      -0.0507622,
      0.976225,
      -0.210732
    ],
    "Manufacturer": "Philips",
    "NumberOfVolumesDiscardedByScanner": 2,
    "ParallelAcquisitionTechnique": "SENSE",
    "ParallelReductionFactorInPlane": 2,
    "PatientPosition": "HFS",
    "PhaseEncodingDirection": "j",
    "PhilipsRescaleIntercept": 0,
    "PhilipsRescaleSlope": 0.78706,
    "PhilipsScaleSlope": 0.0571936,
    "ProtocolName": "WIPtask-wm_boldSENSE",
    "PulseSequenceType": "gradient echo EPI",
    "ReconMatrixPE": 80,
    "RepetitionTime": 2,
    "SeriesDescription": "ImageMRSERIES",
    "SeriesNumber": 3,
    "SliceEncodingDirection": "k",
    "SliceTiming": [
      0.0,
      0.0556,
      0.1111,
      0.1667,
      0.2222,
      0.2778,
      0.3333,
      0.3889,
      0.4444,
      0.5,
      0.5556,
      0.6111,
      0.6667,
      0.7222,
      0.7778,
      0.8333,
      0.8889,
      0.9444,
      1.0,
      1.0556,
      1.1111,
      1.1667,
      1.2222,
      1.2778,
      1.3333,
      1.3889,
      1.4444,
      1.5,
      1.5556,
      1.6111,
      1.6667,
      1.7222,
      1.7778,
      1.8333,
      1.8889,
      1.9444
    ],
    "TaskName": "workingmemory",
    "TotalReadoutTime": 0.026945238983542674,
    "UsePhilipsFloatNotDisplayScaling": 1,
    "WaterFatShift": 12,
    "acq_id": "seq",
    "dataset": "ds002790",
    "modality": "bold",
    "subject_id": "0112",
    "task_id": "workingmemory"
  },
  "dummy_trs": 0,
  "dvars_nstd": 20.729842833899372,
  "dvars_std": 1.3720814156603782,
  "dvars_vstd": 1.0003426832075475,
  "efc": 0.41781292167427075,
  "fber": 260396.546875,
  "fd_mean": 0.09259167301476608,
  "fd_num": 3,
  "fd_perc": 1.875,
  "fwhm_avg": 1.963577786589793,
  "fwhm_x": 1.92866,
  "fwhm_y": 2.13254,
  "fwhm_z": 1.8295333597693786,
  "gcor": 0.0669136,
  "gsr_x": -0.01965561881661415,
  "gsr_y": 0.011601006612181664,
  "provenance": {
    "md5sum": "9999b981b2f06573474b6417bf7f181d",
    "settings": {
      "fd_thres": 0.2,
      "testing": false
    },
    "software": "mriqc",
    "version": "22.0.0rc1",
    "webapi_port": null,
    "webapi_url": "https://mriqc.nimh.nih.gov/api/v1"
  },
  "size_t": 160,
  "size_x": 80,
  "size_y": 80,
  "size_z": 36,
  "snr": 6.53426578239306,
  "spacing_tr": 2.0,
  "spacing_x": 3.0,
  "spacing_y": 3.0,
  "spacing_z": 3.299999952316284,
  "summary_bg_k": 43.828497999430944,
  "summary_bg_mad": 50.67289819996875,
  "summary_bg_mean": 526.1134033203125,
  "summary_bg_median": 50.33237838745117,
  "summary_bg_n": 156529.0,
  "summary_bg_p05": 4.709082317352295,
  "summary_bg_p95": 2662.834667968751,
  "summary_bg_stdv": 1606.1160888671875,
  "summary_fg_k": 2.312518149741174,
  "summary_fg_mad": 3495.9065342572167,
  "summary_fg_mean": 26536.896484375,
  "summary_fg_median": 26218.552734375,
  "summary_fg_n": 33582.0,
  "summary_fg_p05": 20551.25146484375,
  "summary_fg_p95": 33205.005078124996,
  "summary_fg_stdv": 4012.411376953125,
  "tsnr": 103.10177612304688
}