{
  "aor": 0.002775851851851852,
  "aqi": 0.00460341748148148,
  "bids_meta": {
    "AcquisitionNumber": 8,
    "BidsifyVersion": "0.3.5",
    "ConversionSoftware": "dcm2niix",
    "ConversionSoftwareVersion": "v1.0.20181125  GCC6.3.0",
    "EchoTime": 0.02763,
    "EffectiveEchoSpacing": 0.0006909035636805814,
    "FlipAngle": 76.1,
    "ImageComments": "PIOP2",
    "ImageOrientationPatientDICOM": [
      0.998611,
      0.0526011,
      0.00312632,
      -0.0507622,
      0.976225,
      -0.210732
    ],
    "Manufacturer": "Philips",
    "NumberOfVolumesDiscardedByScanner": 2,
    "ParallelAcquisitionTechnique": "SENSE",
    "ParallelReductionFactorInPlane": 2,
    "PatientPosition": "HFS",
    "PhaseEncodingDirection": "j",
    "PhilipsRescaleIntercept": 0,
    "PhilipsRescaleSlope": 0.76777,
    "PhilipsScaleSlope": 0.0600795,
    "ProtocolName": "WIPtask-harriri_boldSENSE",
    "PulseSequenceType": "gradient echo EPI",
    "ReconMatrixPE": 80,
    "RepetitionTime": 2,
    "SeriesDescription": "ImageMRSERIES",
    "SeriesNumber": 8,
    "SliceEncodingDirection": "k",
    "SliceTiming": [
      0.0,
      0.0556,
      0.1111,
      0.1667,
      0.2222,
      0.2778,
      0.3333,
      0.3889,
      0.4444,
      0.5,
      0.5556,
      0.6111,
      0.6667,
      0.7222,
      0.7778,
      0.8333,
      0.8889,
      0.9444,
      1.0,
      1.0556,
      1.1111,
      1.1667,
      1.2222,
      1.2778,
      1.3333,
      1.3889,
      1.4444,
      1.5,
      1.5556,
      1.6111,
      1.6667,
      1.7222,
      1.7778,
      1.8333,
      1.8889,
      1.9444
    ],
    "TaskName": "emomatching",
    "TotalReadoutTime": 0.026945238983542674,
    "UsePhilipsFloatNotDisplayScaling": 1,
    "WaterFatShift": 12,
    "acq_id": "seq",
    "dataset": "ds002790",
    "modality": "bold",
    "subject_id": "0112",
    "task_id": "emomatching"
  },
  "dummy_trs": 0,
  "dvars_nstd": 16.530497365746257,
  "dvars_std": 1.2255306578358214,
  "dvars_vstd": 1.0094045108208958,
  "efc": 0.41936558732236556,
  "fber": 257622.625,
  "fd_mean": 0.09218233513450902,
  "fd_num": 3,
  "fd_perc": 2.2222222222222223,
  "fwhm_avg": 1.946777079448706,
  "fwhm_x": 1.9060733333333333,
  "fwhm_y": 2.119336666666667,
  "fwhm_z": 1.8149212383461177,
  "gcor": 0.045359,
  "gsr_x": -0.01997443288564682,
  "gsr_y": 0.012577724643051624,
  "provenance": {
    "md5sum": "1e27c8b44e44e1511d25e2a7edc73c02",
    "settings": {
      "fd_thres": 0.2,
      "testing": false
    },
    "software": "mriqc",
    "version": "22.0.0rc1",
    "webapi_port": null,
    "webapi_url": "https://mriqc.nimh.nih.gov/api/v1"
  },
  "size_t": 135,
  "size_x": 80,
  "size_y": 80,
  "size_z": 36,
  "snr": 6.585468443830965,
  "spacing_tr": 2.0,
  "spacing_x": 3.0,
  "spacing_y": 3.0,
  "spacing_z": 3.299999952316284,
  "summary_bg_k": 43.33888692187952,
  "summary_bg_mad": 49.967620935743,
  "summary_bg_mean": 532.4219360351562,
  "summary_bg_median": 48.98970413208008,
  "summary_bg_n": 156499.0,
  "summary_bg_p05": 4.505432462692261,
  "summary_bg_p95": 2766.5387939453135,
  "summary_bg_stdv": 1595.2021484375,
  "summary_fg_k": 2.359811035037489,
  "summary_fg_mad": 3317.756820024987,
  "summary_fg_mean": 25713.841796875,
  "summary_fg_median": 25384.037109375,
  "summary_fg_n": 33583.0,
  "summary_fg_p05": 19994.683203125,
  "summary_fg_p95": 32188.302734375,
  "summary_fg_stdv": 3854.49560546875,
  "tsnr": 98.95779418945312
}