{
  "aor": 0.0011644444444444445,
  "aqi": 0.0037355111111111107,
  "bids_meta": {
    "AcquisitionNumber": 7,
    "BidsifyVersion": "0.3.5",
    "ConversionSoftware": "dcm2niix",
    "ConversionSoftwareVersion": "v1.0.20181125  GCC6.3.0",
    "EchoTime": 0.02763,
    "EffectiveEchoSpacing": 0.0006909035636805814,
    "FlipAngle": 76.1,
    "ImageComments": "PIOP2",
    "ImageOrientationPatientDICOM": [
      0.995808,
      0.091164,
      -0.00747869,
      -0.0888735,
      0.983642,
      0.156685
    ],
    "Manufacturer": "Philips",
    "NumberOfVolumesDiscardedByScanner": 2,
    "ParallelAcquisitionTechnique": "SENSE",
    "ParallelReductionFactorInPlane": 2,
    "PatientPosition": "HFS",
    "PhaseEncodingDirection": "j",
    "PhilipsRescaleIntercept": 0,
    "PhilipsRescaleSlope": 0.89939,
    "PhilipsScaleSlope": 0.0554402,
    "ProtocolName": "WIPtask-stop_boldSENSE",
    "PulseSequenceType": "gradient echo EPI",
    "ReconMatrixPE": 80,
    "RepetitionTime": 2,
    "SeriesDescription": "ImageMRSERIES",
    "SeriesNumber": 7,
    "SliceEncodingDirection": "k",
    "SliceTiming": [
      0.0,
      0.0556,
      0.1111,
      0.1667,
      0.2222,
      0.2778,
      0.3333,
      0.3889,
      0.4444,
      0.5,
      0.5556,
      0.6111,
      0.6667,
      0.7222,
      0.7778,
      0.8333,
      0.8889,
      0.9444,
      1.0,
      1.0556,
      1.1111,
      1.1667,
      1.2222,
      1.2778,
      1.3333,
      1.3889,
      1.4444,
      1.5,
      1.5556,
      1.6111,
      1.6667,
      1.7222,
      1.7778,
      1.8333,
      1.8889,
      1.9444
    ],
    "TaskName": "stopsignal",
    "TotalReadoutTime": 0.026945238983542674,
    "UsePhilipsFloatNotDisplayScaling": 1,
    "WaterFatShift": 12,
    "acq_id": "seq",
    "dataset": "ds002790",
    "modality": "bold",
    "subject_id": "0049",
    "task_id": "stopsignal"
  },
  "dummy_trs": 0,
  "dvars_nstd": 19.05206643678572,
  "dvars_std": 1.2433067338392851,
  "dvars_vstd": 0.9843743284821423,
  "efc": 0.41416599252327657,
  "fber": 180873.375,
  "fd_mean": 0.11717489828827807,
  "fd_num": 20,
  "fd_perc": 8.88888888888889,
  "fwhm_avg": 2.0967283935574255,
  "fwhm_x": 2.0131799999999997,
  "fwhm_y": 2.2591566666666667,
  "fwhm_z": 2.017848514005611,
  "gcor": 0.0314699,
  "gsr_x": -0.024377478286623955,
  "gsr_y": 0.017854109406471252,
  "provenance": {
    "md5sum": "cafcd1649fb25463d0d79f097c8b1780",
    "settings": {
      "fd_thres": 0.2,
      "testing": false
    },
    "software": "mriqc",
    "version": "22.0.0rc1",
    "webapi_port": null,
    "webapi_url": "https://mriqc.nimh.nih.gov/api/v1"
  },
  "size_t": 225,
  "size_x": 80,
  "size_y": 80,
  "size_z": 36,
  "snr": 5.456634444400928,
  "spacing_tr": 2.0,
  "spacing_x": 3.0,
  "spacing_y": 3.0,
  "spacing_z": 3.299999952316284,
  "summary_bg_k": 63.180007002477,
  "summary_bg_mad": 63.822343942662656,
  "summary_bg_mean": 598.1202392578125,
  "summary_bg_median": 58.04959487915039,
  "summary_bg_n": 159004.0,
  "summary_bg_p05": 5.12796311378479,
  "summary_bg_p95": 2798.667944335938,
  "summary_bg_stdv": 1767.85498046875,
  "summary_fg_k": 2.2997722303313264,
  "summary_fg_mad": 4210.646766851341,
  "summary_fg_mean": 25765.84765625,
  "summary_fg_median": 25168.017578125,
  "summary_fg_n": 32136.0,
  "summary_fg_p05": 19520.630859375,
  "summary_fg_p95": 33675.49609375,
  "summary_fg_stdv": 4612.29833984375,
  "tsnr": 90.28101348876953
}