{
  "bids_meta": {
    "AcquisitionNumber": 2,
    "BidsifyVersion": "0.3.5",
    "ConversionSoftware": "dcm2niix",
    "ConversionSoftwareVersion": "v1.0.20181125  GCC6.3.0",
    "EchoTime": 0.00379,
    "ImageComments": "PIOP2",
    "ImageOrientationPatientDICOM": [
      0.999298,
      -0.0310452,
      0.0209572,
      0.0280875,
      0.991235,
      0.129089
    ],
    "Manufacturer": "Philips",
    "NumberSignalAcquisitions": 2,
    "PatientPosition": "HFS",
    "PhilipsRescaleIntercept": 0,
    "PhilipsRescaleSlope": 8.71941,
    "PhilipsScaleSlope": 0.00720541,
    "ProtocolName": "WIPT1anat_acq-6m_T1wSENSE",
    "ReconMatrixPE": 240,
    "RepetitionTime": 0.008257,
    "SeriesDescription": "ImageMRSERIES",
    "SeriesNumber": 2,
    "UsePhilipsFloatNotDisplayScaling": 1,
    "dataset": "ds002790",
    "modality": "T1w",
    "subject_id": "0168"
  },
  "cjv": 0.2738785889326051,
  "cnr": 4.510300869573002,
  "efc": 0.7458532378676815,
  "fber": 853.4027099609375,
  "fwhm_avg": 4.58483,
  "fwhm_x": 4.23718,
  "fwhm_y": 4.73561,
  "fwhm_z": 4.7817,
  "icvs_csf": 0.25348106370552875,
  "icvs_gm": 0.3822812890875372,
  "icvs_wm": 0.36423764720693397,
  "inu_med": 1.8836643695831299,
  "inu_range": 0.38694472312927264,
  "provenance": {
    "md5sum": "a3840e73e87f16b5660bc92cbd732047",
    "settings": {
      "testing": false
    },
    "software": "mriqc",
    "version": "22.0.0rc1",
    "warnings": {
      "large_rot_frame": true,
      "small_air_mask": true
    },
    "webapi_port": null,
    "webapi_url": "https://mriqc.nimh.nih.gov/api/v1"
  },
  "qi_1": 0.0,
  "qi_2": 7.983575751415611e-05,
  "rpve_csf": 26.939540251088026,
  "rpve_gm": 16.909146024597263,
  "rpve_wm": 23.79838012510523,
  "size_x": 240,
  "size_y": 240,
  "size_z": 220,
  "snr_csf": 2.8192271634100328,
  "snr_gm": 9.844690344022101,
  "snr_total": 11.900135465905302,
  "snr_wm": 23.036488890283774,
  "snrd_csf": 26.042247744264184,
  "snrd_gm": 58.01334342363562,
  "snrd_total": 58.029163927734295,
  "snrd_wm": 90.0319006153031,
  "spacing_x": 1.0,
  "spacing_y": 1.0,
  "spacing_z": 1.0,
  "summary_bg_k": 34.520832006618214,
  "summary_bg_mad": 7.276677424378199,
  "summary_bg_mean": 8.061588287353516,
  "summary_bg_median": 5.07183313369751,
  "summary_bg_n": 123659.0,
  "summary_bg_p05": 0.0,
  "summary_bg_p95": 20.319709014892577,
  "summary_bg_stdv": 7.004505157470703,
  "summary_csf_k": -0.37452801615963693,
  "summary_csf_mad": 96.19531126452495,
  "summary_csf_mean": 266.18560791015625,
  "summary_csf_median": 289.25433349609375,
  "summary_csf_n": 10428.0,
  "summary_csf_p05": 87.25617141723633,
  "summary_csf_p95": 402.82454376220704,
  "summary_csf_stdv": 102.59565734863281,
  "summary_gm_k": 0.7265310164429821,
  "summary_gm_mad": 59.223008931399555,
  "summary_gm_mean": 645.946044921875,
  "summary_gm_median": 644.361083984375,
  "summary_gm_n": 16961.0,
  "summary_gm_p05": 544.788330078125,
  "summary_gm_p95": 760.7381591796875,
  "summary_gm_stdv": 65.45072174072266,
  "summary_wm_k": 0.7716573108678824,
  "summary_wm_mad": 38.177504826238604,
  "summary_wm_mean": 997.1055908203125,
  "summary_wm_median": 999.9949951171875,
  "summary_wm_n": 189846.0,
  "summary_wm_p05": 919.8047943115234,
  "summary_wm_p95": 1065.3002319335938,
  "summary_wm_stdv": 43.409061431884766,
  "tpm_overlap_csf": 0.16468703746795654,
  "tpm_overlap_gm": 0.4290487766265869,
  "tpm_overlap_wm": 0.5134817361831665,
  "wm2max": 0.7532298197619113
}