{
  "aor": 0.005271383647798742,
  "aqi": 0.003504635220125786,
  "bids_meta": {
    "AcquisitionNumber": 3,
    "BidsifyVersion": "0.3.5",
    "ConversionSoftware": "dcm2niix",
    "ConversionSoftwareVersion": "v1.0.20181125  GCC6.3.0",
    "EchoTime": 0.02763,
    "EffectiveEchoSpacing": 0.0006909035636805814,
    "FlipAngle": 76.1,
    "ImageComments": "PIOP2",
    "ImageOrientationPatientDICOM": [
      0.996153,
      0.0617875,
      0.0621463,
      -0.0539497,
      0.991218,
      -0.120728
    ],
    "Manufacturer": "Philips",
    "NumberOfVolumesDiscardedByScanner": 2,
    "ParallelAcquisitionTechnique": "SENSE",
    "ParallelReductionFactorInPlane": 2,
    "PatientPosition": "HFS",
    "PhaseEncodingDirection": "j",
    "PhilipsRescaleIntercept": 0,
    "PhilipsRescaleSlope": 0.73919,
    "PhilipsScaleSlope": 0.0543482,
    "ProtocolName": "WIPtask-wm_boldSENSE",
    "PulseSequenceType": "gradient echo EPI",
    "ReconMatrixPE": 80,
    "RepetitionTime": 2,
    "SeriesDescription": "ImageMRSERIES",
    "SeriesNumber": 3,
    "SliceEncodingDirection": "k",
    "SliceTiming": [
      0.0,
      0.0556,
      0.1111,
      0.1667,
      0.2222,
      0.2778,
      0.3333,
      0.3889,
      0.4444,
      0.5,
      0.5556,
      0.6111,
      0.6667,
      0.7222,
      0.7778,
      0.8333,
      0.8889,
      0.9444,
      1.0,
      1.0556,
      1.1111,
      1.1667,
      1.2222,
      1.2778,
      1.3333,
      1.3889,
      1.4444,
      1.5,
      1.5556,
      1.6111,
      1.6667,
      1.7222,
      1.7778,
      1.8333,
      1.8889,
      1.9444
    ],
    "TaskName": "workingmemory",
    "TotalReadoutTime": 0.026945238983542674,
    "UsePhilipsFloatNotDisplayScaling": 1,
    "WaterFatShift": 12,
    "acq_id": "seq",
    "dataset": "ds002790",
    "modality": "bold",
    "subject_id": "0081",
    "task_id": "workingmemory"
  },
  "dummy_trs": 1,
  "dvars_nstd": 17.12518341943038,
  "dvars_std": 1.176398822341772,
  "dvars_vstd": 1.0272121092405069,
  "efc": 0.45799603881499124,
  "fber": 163754.296875,
  "fd_mean": 0.11268075432080638,
  "fd_num": 6,
  "fd_perc": 3.7735849056603774,
  "fwhm_avg": 2.0793727364616434,
  "fwhm_x": 2.0055033333333334,
  "fwhm_y": 2.32483,
  "fwhm_z": 1.9077848760515974,
  "gcor": 0.0244866,
  "gsr_x": -0.014560231938958168,
  "gsr_y": 0.024959279224276543,
  "provenance": {
    "md5sum": "40557fb6c1ca9f29231a6b50e62f4ebc",
    "settings": {
      "fd_thres": 0.2,
      "testing": false
    },
    "software": "mriqc",
    "version": "22.0.0rc1",
    "webapi_port": null,
    "webapi_url": "https://mriqc.nimh.nih.gov/api/v1"
  },
  "size_t": 159,
  "size_x": 80,
  "size_y": 80,
  "size_z": 36,
  "snr": 4.472128803461613,
  "spacing_tr": 2.0,
  "spacing_x": 3.0,
  "spacing_y": 3.0,
  "spacing_z": 3.299999952316284,
  "summary_bg_k": 103.93867351296376,
  "summary_bg_mad": 65.6945701036751,
  "summary_bg_mean": 661.8740234375,
  "summary_bg_median": 60.65485382080078,
  "summary_bg_n": 147513.0,
  "summary_bg_p05": 6.0057204246521,
  "summary_bg_p95": 3670.093457031248,
  "summary_bg_stdv": 1933.461669921875,
  "summary_fg_k": 1.7685613314044293,
  "summary_fg_mad": 5119.102589118274,
  "summary_fg_mean": 25789.099609375,
  "summary_fg_median": 25016.138671875,
  "summary_fg_n": 40910.0,
  "summary_fg_p05": 18341.9623046875,
  "summary_fg_p95": 35673.29765624999,
  "summary_fg_stdv": 5593.71923828125,
  "tsnr": 87.12969970703125
}