{
  "aor": 0.005234740740740741,
  "aqi": 0.0032237340000000002,
  "bids_meta": {
    "AcquisitionNumber": 8,
    "BidsifyVersion": "0.3.5",
    "ConversionSoftware": "dcm2niix",
    "ConversionSoftwareVersion": "v1.0.20181125  GCC6.3.0",
    "EchoTime": 0.02763,
    "EffectiveEchoSpacing": 0.0006909035636805814,
    "FlipAngle": 76.1,
    "ImageComments": "PIOP2",
    "ImageOrientationPatientDICOM": [
      0.996866,
      0.0764506,
      -0.0203394,
      -0.0779299,
      0.993227,
      -0.0861804
    ],
    "Manufacturer": "Philips",
    "NumberOfVolumesDiscardedByScanner": 2,
    "ParallelAcquisitionTechnique": "SENSE",
    "ParallelReductionFactorInPlane": 2,
    "PatientPosition": "HFS",
    "PhaseEncodingDirection": "j",
    "PhilipsRescaleIntercept": 0,
    "PhilipsRescaleSlope": 0.81709,
    "PhilipsScaleSlope": 0.0594104,
    "ProtocolName": "WIPtask-harriri_boldSENSE",
    "PulseSequenceType": "gradient echo EPI",
    "ReconMatrixPE": 80,
    "RepetitionTime": 2,
    "SeriesDescription": "ImageMRSERIES",
    "SeriesNumber": 8,
    "SliceEncodingDirection": "k",
    "SliceTiming": [
      0.0,
      0.0556,
      0.1111,
      0.1667,
      0.2222,
      0.2778,
      0.3333,
      0.3889,
      0.4444,
      0.5,
      0.5556,
      0.6111,
      0.6667,
      0.7222,
      0.7778,
      0.8333,
      0.8889,
      0.9444,
      1.0,
      1.0556,
      1.1111,
      1.1667,
      1.2222,
      1.2778,
      1.3333,
      1.3889,
      1.4444,
      1.5,
      1.5556,
      1.6111,
      1.6667,
      1.7222,
      1.7778,
      1.8333,
      1.8889,
      1.9444
    ],
    "TaskName": "emomatching",
    "TotalReadoutTime": 0.026945238983542674,
    "UsePhilipsFloatNotDisplayScaling": 1,
    "WaterFatShift": 12,
    "acq_id": "seq",
    "dataset": "ds002790",
    "modality": "bold",
    "subject_id": "0132",
    "task_id": "emomatching"
  },
  "dummy_trs": 0,
  "dvars_nstd": 17.64974632589552,
  "dvars_std": 1.239667430149254,
  "dvars_vstd": 1.0552454227611943,
  "efc": 0.398217278571966,
  "fber": 301231.09375,
  "fd_mean": 0.1270130298596328,
  "fd_num": 12,
  "fd_perc": 8.88888888888889,
  "fwhm_avg": 1.9741844534150843,
  "fwhm_x": 1.9408200000000002,
  "fwhm_y": 2.119266666666667,
  "fwhm_z": 1.8624666935785856,
  "gcor": 0.04984,
  "gsr_x": -0.014949050731956959,
  "gsr_y": 0.00555912172421813,
  "provenance": {
    "md5sum": "d6473588bd5028dc899cf77e4a43718c",
    "settings": {
      "fd_thres": 0.2,
      "testing": false
    },
    "software": "mriqc",
    "version": "22.0.0rc1",
    "webapi_port": null,
    "webapi_url": "https://mriqc.nimh.nih.gov/api/v1"
  },
  "size_t": 135,
  "size_x": 80,
  "size_y": 80,
  "size_z": 36,
  "snr": 5.897027755806588,
  "spacing_tr": 2.0,
  "spacing_x": 3.0,
  "spacing_y": 3.0,
  "spacing_z": 3.299999952316284,
  "summary_bg_k": 86.77628323834945,
  "summary_bg_mad": 48.98956039380573,
  "summary_bg_mean": 429.16033935546875,
  "summary_bg_median": 43.12099075317383,
  "summary_bg_n": 160256.0,
  "summary_bg_p05": 2.987318992614746,
  "summary_bg_p95": 2010.8909301757812,
  "summary_bg_stdv": 1335.0792236328125,
  "summary_fg_k": 0.7307756090070829,
  "summary_fg_mad": 4026.796852488001,
  "summary_fg_mean": 24540.021484375,
  "summary_fg_median": 24198.705078125,
  "summary_fg_n": 30581.0,
  "summary_fg_p05": 18502.330078125,
  "summary_fg_p95": 31470.8359375,
  "summary_fg_stdv": 4103.4755859375,
  "tsnr": 98.9790267944336
}