{
  "aor": 0.004337875000000001,
  "aqi": 0.0061165964375,
  "bids_meta": {
    "AcquisitionNumber": 3,
    "BidsifyVersion": "0.3.5",
    "ConversionSoftware": "dcm2niix",
    "ConversionSoftwareVersion": "v1.0.20181125  GCC6.3.0",
    "EchoTime": 0.02763,
    "EffectiveEchoSpacing": 0.0006909035636805814,
    "FlipAngle": 76.1,
    "ImageComments": "PIOP2",
    "ImageOrientationPatientDICOM": [
      0.996866,
      0.0764506,
      -0.0203394,
      -0.0779299,
      0.993227,
      -0.0861804
    ],
    "Manufacturer": "Philips",
    "NumberOfVolumesDiscardedByScanner": 2,
    "ParallelAcquisitionTechnique": "SENSE",
    "ParallelReductionFactorInPlane": 2,
    "PatientPosition": "HFS",
    "PhaseEncodingDirection": "j",
    "PhilipsRescaleIntercept": 0,
    "PhilipsRescaleSlope": 0.8022,
    "PhilipsScaleSlope": 0.0595298,
    "ProtocolName": "WIPtask-wm_boldSENSE",
    "PulseSequenceType": "gradient echo EPI",
    "ReconMatrixPE": 80,
    "RepetitionTime": 2,
    "SeriesDescription": "ImageMRSERIES",
    "SeriesNumber": 3,
    "SliceEncodingDirection": "k",
    "SliceTiming": [
      0.0,
      0.0556,
      0.1111,
      0.1667,
      0.2222,
      0.2778,
      0.3333,
      0.3889,
      0.4444,
      0.5,
      0.5556,
      0.6111,
      0.6667,
      0.7222,
      0.7778,
      0.8333,
      0.8889,
      0.9444,
      1.0,
      1.0556,
      1.1111,
      1.1667,
      1.2222,
      1.2778,
      1.3333,
      1.3889,
      1.4444,
      1.5,
      1.5556,
      1.6111,
      1.6667,
      1.7222,
      1.7778,
      1.8333,
      1.8889,
      1.9444
    ],
    "TaskName": "workingmemory",
    "TotalReadoutTime": 0.026945238983542674,
    "UsePhilipsFloatNotDisplayScaling": 1,
    "WaterFatShift": 12,
    "acq_id": "seq",
    "dataset": "ds002790",
    "modality": "bold",
    "subject_id": "0132",
    "task_id": "workingmemory"
  },
  "dummy_trs": 0,
  "dvars_nstd": 20.81834410993709,
  "dvars_std": 1.1526284295597484,
  "dvars_vstd": 0.9573866293710692,
  "efc": 0.3970303191723466,
  "fber": 278478.6875,
  "fd_mean": 0.16034921788512466,
  "fd_num": 33,
  "fd_perc": 20.625,
  "fwhm_avg": 1.953039806805168,
  "fwhm_x": 1.92131,
  "fwhm_y": 2.1055033333333335,
  "fwhm_z": 1.8323060870821706,
  "gcor": 0.0308474,
  "gsr_x": -0.014906194992363453,
  "gsr_y": 0.005013435147702694,
  "provenance": {
    "md5sum": "0ca592e0271ff02ec3e7fe5379ce71d9",
    "settings": {
      "fd_thres": 0.2,
      "testing": false
    },
    "software": "mriqc",
    "version": "22.0.0rc1",
    "webapi_port": null,
    "webapi_url": "https://mriqc.nimh.nih.gov/api/v1"
  },
  "size_t": 160,
  "size_x": 80,
  "size_y": 80,
  "size_z": 36,
  "snr": 5.975769050262181,
  "spacing_tr": 2.0,
  "spacing_x": 3.0,
  "spacing_y": 3.0,
  "spacing_z": 3.299999952316284,
  "summary_bg_k": 95.28911899452856,
  "summary_bg_mad": 48.33230054809954,
  "summary_bg_mean": 408.97845458984375,
  "summary_bg_median": 43.99330139160156,
  "summary_bg_n": 160312.0,
  "summary_bg_p05": 3.0039916872978214,
  "summary_bg_p95": 1895.6342956542949,
  "summary_bg_stdv": 1310.67919921875,
  "summary_fg_k": 0.7749822664864912,
  "summary_fg_mad": 3925.5643676093946,
  "summary_fg_mean": 24100.05078125,
  "summary_fg_median": 23770.01171875,
  "summary_fg_n": 30514.0,
  "summary_fg_p05": 18276.83115234375,
  "summary_fg_p95": 30784.388281249998,
  "summary_fg_stdv": 3977.66748046875,
  "tsnr": 78.75260925292969
}