{
  "aor": 0.0015943111111111114,
  "aqi": 0.011144422222222223,
  "bids_meta": {
    "AcquisitionNumber": 7,
    "BidsifyVersion": "0.3.5",
    "ConversionSoftware": "dcm2niix",
    "ConversionSoftwareVersion": "v1.0.20181125  GCC6.3.0",
    "EchoTime": 0.02763,
    "EffectiveEchoSpacing": 0.0006909035636805814,
    "FlipAngle": 76.1,
    "ImageComments": "PIOP2",
    "ImageOrientationPatientDICOM": [
      0.999046,
      0.0373556,
      0.0226276,
      -0.0422218,
      0.958592,
      0.281637
    ],
    "Manufacturer": "Philips",
    "NumberOfVolumesDiscardedByScanner": 2,
    "ParallelAcquisitionTechnique": "SENSE",
    "ParallelReductionFactorInPlane": 2,
    "PatientPosition": "HFS",
    "PhaseEncodingDirection": "j",
    "PhilipsRescaleIntercept": 0,
    "PhilipsRescaleSlope": 0.84469,
    "PhilipsScaleSlope": 0.0570995,
    "ProtocolName": "WIPtask-stop_boldSENSE",
    "PulseSequenceType": "gradient echo EPI",
    "ReconMatrixPE": 80,
    "RepetitionTime": 2,
    "SeriesDescription": "ImageMRSERIES",
    "SeriesNumber": 7,
    "SliceEncodingDirection": "k",
    "SliceTiming": [
      0.0,
      0.0556,
      0.1111,
      0.1667,
      0.2222,
      0.2778,
      0.3333,
      0.3889,
      0.4444,
      0.5,
      0.5556,
      0.6111,
      0.6667,
      0.7222,
      0.7778,
      0.8333,
      0.8889,
      0.9444,
      1.0,
      1.0556,
      1.1111,
      1.1667,
      1.2222,
      1.2778,
      1.3333,
      1.3889,
      1.4444,
      1.5,
      1.5556,
      1.6111,
      1.6667,
      1.7222,
      1.7778,
      1.8333,
      1.8889,
      1.9444
    ],
    "TaskName": "stopsignal",
    "TotalReadoutTime": 0.026945238983542674,
    "UsePhilipsFloatNotDisplayScaling": 1,
    "WaterFatShift": 12,
    "acq_id": "seq",
    "dataset": "ds002790",
    "modality": "bold",
    "subject_id": "0131",
    "task_id": "stopsignal"
  },
  "dummy_trs": 0,
  "dvars_nstd": 16.502392232276776,
  "dvars_std": 1.034519496517857,
  "dvars_vstd": 0.9523488570535713,
  "efc": 0.45517983707028276,
  "fber": 167438.484375,
  "fd_mean": 0.13236908004235437,
  "fd_num": 23,
  "fd_perc": 10.222222222222221,
  "fwhm_avg": 1.8656990992203175,
  "fwhm_x": 1.8153666666666668,
  "fwhm_y": 2.0561700000000003,
  "fwhm_z": 1.7255606309942857,
  "gcor": 0.0103476,
  "gsr_x": -0.009436998516321182,
  "gsr_y": 0.02141799032688141,
  "provenance": {
    "md5sum": "eb3b0003f5638e9815a1c4b35403a3b1",
    "settings": {
      "fd_thres": 0.2,
      "testing": false
    },
    "software": "mriqc",
    "version": "22.0.0rc1",
    "webapi_port": null,
    "webapi_url": "https://mriqc.nimh.nih.gov/api/v1"
  },
  "size_t": 225,
  "size_x": 80,
  "size_y": 80,
  "size_z": 36,
  "snr": 5.986514136619532,
  "spacing_tr": 2.0,
  "spacing_x": 3.0,
  "spacing_y": 3.0,
  "spacing_z": 3.299999952316284,
  "summary_bg_k": 41.773754728044054,
  "summary_bg_mad": 67.60597597838955,
  "summary_bg_mean": 734.2525634765625,
  "summary_bg_median": 55.46289825439453,
  "summary_bg_n": 152106.0,
  "summary_bg_p05": 4.825593590736389,
  "summary_bg_p95": 4014.503662109375,
  "summary_bg_stdv": 1849.907470703125,
  "summary_fg_k": 1.7117477571592383,
  "summary_fg_mad": 3605.1210367438525,
  "summary_fg_mean": 23589.9296875,
  "summary_fg_median": 23071.09375,
  "summary_fg_n": 37854.0,
  "summary_fg_p05": 18316.0435546875,
  "summary_fg_p95": 30185.214648437493,
  "summary_fg_stdv": 3853.79345703125,
  "tsnr": 67.2474594116211
}