{
  "aor": 0.0012000416666666665,
  "aqi": 0.005268105083333334,
  "bids_meta": {
    "AcquisitionNumber": 4,
    "BidsifyVersion": "0.3.5",
    "ConversionSoftware": "dcm2niix",
    "ConversionSoftwareVersion": "v1.0.20181125  GCC6.3.0",
    "EchoTime": 0.02763,
    "EffectiveEchoSpacing": 0.0006909035636805814,
    "FlipAngle": 76.1,
    "ImageComments": "PIOP2",
    "ImageOrientationPatientDICOM": [
      0.999046,
      0.0373556,
      0.0226276,
      -0.0422218,
      0.958592,
      0.281637
    ],
    "Manufacturer": "Philips",
    "NumberOfVolumesDiscardedByScanner": 2,
    "ParallelAcquisitionTechnique": "SENSE",
    "ParallelReductionFactorInPlane": 2,
    "PatientPosition": "HFS",
    "PhaseEncodingDirection": "j",
    "PhilipsRescaleIntercept": 0,
    "PhilipsRescaleSlope": 0.7685,
    "PhilipsScaleSlope": 0.0610658,
    "ProtocolName": "WIPtask-rest_boldSENSE",
    "PulseSequenceType": "gradient echo EPI",
    "ReconMatrixPE": 80,
    "RepetitionTime": 2,
    "SeriesDescription": "ImageMRSERIES",
    "SeriesNumber": 4,
    "SliceEncodingDirection": "k",
    "SliceTiming": [
      0.0,
      0.0556,
      0.1111,
      0.1667,
      0.2222,
      0.2778,
      0.3333,
      0.3889,
      0.4444,
      0.5,
      0.5556,
      0.6111,
      0.6667,
      0.7222,
      0.7778,
      0.8333,
      0.8889,
      0.9444,
      1.0,
      1.0556,
      1.1111,
      1.1667,
      1.2222,
      1.2778,
      1.3333,
      1.3889,
      1.4444,
      1.5,
      1.5556,
      1.6111,
      1.6667,
      1.7222,
      1.7778,
      1.8333,
      1.8889,
      1.9444
    ],
    "TaskName": "restingstate",
    "TotalReadoutTime": 0.026945238983542674,
    "UsePhilipsFloatNotDisplayScaling": 1,
    "WaterFatShift": 12,
    "acq_id": "seq",
    "dataset": "ds002790",
    "modality": "bold",
    "subject_id": "0131",
    "task_id": "restingstate"
  },
  "dummy_trs": 0,
  "dvars_nstd": 16.879093030209194,
  "dvars_std": 1.1026393293305432,
  "dvars_vstd": 0.9708059232217573,
  "efc": 0.45229212529546015,
  "fber": 182141.59375,
  "fd_mean": 0.13724613399433214,
  "fd_num": 34,
  "fd_perc": 14.166666666666666,
  "fwhm_avg": 1.8663866751261111,
  "fwhm_x": 1.80116,
  "fwhm_y": 2.0416666666666665,
  "fwhm_z": 1.7563333587116667,
  "gcor": 0.0155844,
  "gsr_x": -0.008297814056277275,
  "gsr_y": 0.022148167714476585,
  "provenance": {
    "md5sum": "50aee4e1478bc8ed41cbdcfb8032bbf6",
    "settings": {
      "fd_thres": 0.2,
      "testing": false
    },
    "software": "mriqc",
    "version": "22.0.0rc1",
    "webapi_port": null,
    "webapi_url": "https://mriqc.nimh.nih.gov/api/v1"
  },
  "size_t": 240,
  "size_x": 80,
  "size_y": 80,
  "size_z": 36,
  "snr": 5.949294823253106,
  "spacing_tr": 2.0,
  "spacing_x": 3.0,
  "spacing_y": 3.0,
  "spacing_z": 3.299999952316284,
  "summary_bg_k": 42.574612313382936,
  "summary_bg_mad": 59.73021019084315,
  "summary_bg_mean": 711.9568481445312,
  "summary_bg_median": 52.33405303955078,
  "summary_bg_n": 152589.0,
  "summary_bg_p05": 5.661029815673828,
  "summary_bg_p95": 3845.0706054687507,
  "summary_bg_stdv": 1826.8277587890625,
  "summary_fg_k": 1.956296485026705,
  "summary_fg_mad": 3574.0805006476203,
  "summary_fg_mean": 23294.623046875,
  "summary_fg_median": 22767.654296875,
  "summary_fg_n": 37586.0,
  "summary_fg_p05": 18076.21826171875,
  "summary_fg_p95": 29798.267578125,
  "summary_fg_stdv": 3826.899169921875,
  "tsnr": 81.27835845947266
}