{
  "bids_meta": {
    "AcquisitionNumber": 2,
    "BidsifyVersion": "0.3.5",
    "ConversionSoftware": "dcm2niix",
    "ConversionSoftwareVersion": "v1.0.20181125  GCC6.3.0",
    "EchoTime": 0.00378,
    "ImageComments": "PIOP2",
    "ImageOrientationPatientDICOM": [
      0.998481,
      0.0532361,
      -0.0141841,
      -0.0542506,
      0.994922,
      -0.0847722
    ],
    "Manufacturer": "Philips",
    "NumberSignalAcquisitions": 2,
    "PatientPosition": "HFS",
    "PhilipsRescaleIntercept": 0,
    "PhilipsRescaleSlope": 7.68352,
    "PhilipsScaleSlope": 0.00711438,
    "ProtocolName": "WIPT1anat_acq-6m_T1wSENSE",
    "ReconMatrixPE": 240,
    "RepetitionTime": 0.00822,
    "SeriesDescription": "ImageMRSERIES",
    "SeriesNumber": 2,
    "UsePhilipsFloatNotDisplayScaling": 1,
    "dataset": "ds002790",
    "modality": "T1w",
    "subject_id": "0021"
  },
  "cjv": 0.29412027942985924,
  "cnr": 4.144433497738832,
  "efc": 0.7543047836923817,
  "fber": 1562.90869140625,
  "fwhm_avg": 4.516790186152271,
  "fwhm_x": 4.18102,
  "fwhm_y": 4.724820281621235,
  "fwhm_z": 4.644530276835577,
  "icvs_csf": 0.2891866372666317,
  "icvs_gm": 0.38323845403386714,
  "icvs_wm": 0.3275749086995012,
  "inu_med": 1.6587331295013428,
  "inu_range": 0.27451441287994394,
  "provenance": {
    "md5sum": "8eaaa33080f5407508e553ecd4cdff28",
    "settings": {
      "testing": false
    },
    "software": "mriqc",
    "version": "22.0.0rc1",
    "warnings": {
      "large_rot_frame": true,
      "small_air_mask": true
    },
    "webapi_port": null,
    "webapi_url": "https://mriqc.nimh.nih.gov/api/v1"
  },
  "qi_1": 0.0,
  "qi_2": 4.586510351827978e-05,
  "rpve_csf": 21.16814791061905,
  "rpve_gm": 14.7150779532092,
  "rpve_wm": 22.569148012255415,
  "size_x": 240,
  "size_y": 240,
  "size_z": 220,
  "snr_csf": 3.964558355118888,
  "snr_gm": 9.632497265636347,
  "snr_total": 11.719802186248701,
  "snr_wm": 21.56235093799087,
  "snrd_csf": 25.84341248955826,
  "snrd_gm": 49.62524710486243,
  "snrd_total": 50.34653521920669,
  "snrd_wm": 75.5709460631994,
  "spacing_x": 1.0,
  "spacing_y": 0.9999999403953552,
  "spacing_z": 0.9999999403953552,
  "summary_bg_k": 11.124033459630306,
  "summary_bg_mad": 8.669155696971767,
  "summary_bg_mean": 8.720845222473145,
  "summary_bg_median": 5.954309463500977,
  "summary_bg_n": 216889.0,
  "summary_bg_p05": 0.0,
  "summary_bg_p95": 23.65183296203613,
  "summary_bg_stdv": 8.032904624938965,
  "summary_csf_k": 0.12910480222658327,
  "summary_csf_mad": 82.90084685218665,
  "summary_csf_mean": 329.6204833984375,
  "summary_csf_median": 341.9754638671875,
  "summary_csf_n": 21168.0,
  "summary_csf_p05": 165.13633880615234,
  "summary_csf_p95": 445.7082077026367,
  "summary_csf_stdv": 86.25611114501953,
  "summary_gm_k": 0.6111663339877054,
  "summary_gm_mad": 62.006417234562015,
  "summary_gm_mean": 657.64501953125,
  "summary_gm_median": 656.6708984375,
  "summary_gm_n": 22471.0,
  "summary_gm_p05": 549.2337646484375,
  "summary_gm_p95": 776.4627990722656,
  "summary_gm_stdv": 68.17092895507812,
  "summary_wm_k": 1.335269695439842,
  "summary_wm_mad": 38.973598150048595,
  "summary_wm_mean": 999.8053588867188,
  "summary_wm_median": 999.9998779296875,
  "summary_wm_n": 193225.0,
  "summary_wm_p05": 922.4671508789063,
  "summary_wm_p95": 1075.2970458984373,
  "summary_wm_stdv": 46.37700653076172,
  "tpm_overlap_csf": 0.1414375603199005,
  "tpm_overlap_gm": 0.4169635772705078,
  "tpm_overlap_wm": 0.4831062853336334,
  "wm2max": 0.6607696676735997
}