{
  "aor": 0.00879710407239819,
  "aqi": 0.007692902805429864,
  "bids_meta": {
    "AcquisitionNumber": 7,
    "BidsifyVersion": "0.3.5",
    "ConversionSoftware": "dcm2niix",
    "ConversionSoftwareVersion": "v1.0.20181125  GCC6.3.0",
    "EchoTime": 0.02763,
    "EffectiveEchoSpacing": 0.0006909035636805814,
    "FlipAngle": 76.1,
    "ImageComments": "PIOP2",
    "ImageOrientationPatientDICOM": [
      0.999553,
      0.00802279,
      0.0287832,
      -0.0115145,
      0.992305,
      0.123278
    ],
    "Manufacturer": "Philips",
    "NumberOfVolumesDiscardedByScanner": 2,
    "ParallelAcquisitionTechnique": "SENSE",
    "ParallelReductionFactorInPlane": 2,
    "PatientPosition": "HFS",
    "PhaseEncodingDirection": "j",
    "PhilipsRescaleIntercept": 0,
    "PhilipsRescaleSlope": 0.7956,
    "PhilipsScaleSlope": 0.063935,
    "ProtocolName": "WIPtask-stop_boldSENSE",
    "PulseSequenceType": "gradient echo EPI",
    "ReconMatrixPE": 80,
    "RepetitionTime": 2,
    "SeriesDescription": "ImageMRSERIES",
    "SeriesNumber": 7,
    "SliceEncodingDirection": "k",
    "SliceTiming": [
      0.0,
      0.0556,
      0.1111,
      0.1667,
      0.2222,
      0.2778,
      0.3333,
      0.3889,
      0.4444,
      0.5,
      0.5556,
      0.6111,
      0.6667,
      0.7222,
      0.7778,
      0.8333,
      0.8889,
      0.9444,
      1.0,
      1.0556,
      1.1111,
      1.1667,
      1.2222,
      1.2778,
      1.3333,
      1.3889,
      1.4444,
      1.5,
      1.5556,
      1.6111,
      1.6667,
      1.7222,
      1.7778,
      1.8333,
      1.8889,
      1.9444
    ],
    "TaskName": "stopsignal",
    "TotalReadoutTime": 0.026945238983542674,
    "UsePhilipsFloatNotDisplayScaling": 1,
    "WaterFatShift": 12,
    "acq_id": "seq",
    "dataset": "ds002790",
    "modality": "bold",
    "subject_id": "0109",
    "task_id": "stopsignal"
  },
  "dummy_trs": 0,
  "dvars_nstd": 14.486529385045456,
  "dvars_std": 1.0775160132727273,
  "dvars_vstd": 0.9509655106363639,
  "efc": 0.44523211632582077,
  "fber": 219333.171875,
  "fd_mean": 0.08109736892951648,
  "fd_num": 5,
  "fd_perc": 2.262443438914027,
  "fwhm_avg": 2.079087075795346,
  "fwhm_x": 2.028973172085033,
  "fwhm_y": 2.3278064816692288,
  "fwhm_z": 1.8804815736317755,
  "gcor": 0.00824706,
  "gsr_x": -0.013611008413136005,
  "gsr_y": 0.016307933256030083,
  "provenance": {
    "md5sum": "42833dc002e22860b180ff1a83eadd2d",
    "settings": {
      "fd_thres": 0.2,
      "testing": false
    },
    "software": "mriqc",
    "version": "22.0.0rc1",
    "webapi_port": null,
    "webapi_url": "https://mriqc.nimh.nih.gov/api/v1"
  },
  "size_t": 221,
  "size_x": 80,
  "size_y": 80,
  "size_z": 36,
  "snr": 6.709873097172113,
  "spacing_tr": 2.0,
  "spacing_x": 3.000000238418579,
  "spacing_y": 3.000000238418579,
  "spacing_z": 3.3000004291534424,
  "summary_bg_k": 60.64130115263904,
  "summary_bg_mad": 51.19696893484282,
  "summary_bg_mean": 502.7505798339844,
  "summary_bg_median": 46.78629684448242,
  "summary_bg_n": 151243.0,
  "summary_bg_p05": 4.598081827163696,
  "summary_bg_p95": 2428.1935791015603,
  "summary_bg_stdv": 1415.453369140625,
  "summary_fg_k": 2.9079017432297416,
  "summary_fg_mad": 2957.4309103401524,
  "summary_fg_mean": 22915.61328125,
  "summary_fg_median": 22609.3828125,
  "summary_fg_n": 38104.0,
  "summary_fg_p05": 18265.21337890625,
  "summary_fg_p95": 28402.95283203125,
  "summary_fg_stdv": 3369.525146484375,
  "tsnr": 89.06612396240234
}