{
  "aor": 0.0020441875,
  "aqi": 0.004143456,
  "bids_meta": {
    "AcquisitionNumber": 3,
    "BidsifyVersion": "0.3.5",
    "ConversionSoftware": "dcm2niix",
    "ConversionSoftwareVersion": "v1.0.20181125  GCC6.3.0",
    "EchoTime": 0.02763,
    "EffectiveEchoSpacing": 0.0006909035636805814,
    "FlipAngle": 76.1,
    "ImageComments": "PIOP2",
    "ImageOrientationPatientDICOM": [
      0.998527,
      -0.0022476,
      -0.0542068,
      0.000174276,
      0.999269,
      -0.0382229
    ],
    "Manufacturer": "Philips",
    "NumberOfVolumesDiscardedByScanner": 2,
    "ParallelAcquisitionTechnique": "SENSE",
    "ParallelReductionFactorInPlane": 2,
    "PatientPosition": "HFS",
    "PhaseEncodingDirection": "j",
    "PhilipsRescaleIntercept": 0,
    "PhilipsRescaleSlope": 0.78315,
    "PhilipsScaleSlope": 0.0533904,
    "ProtocolName": "WIPtask-wm_boldSENSE",
    "PulseSequenceType": "gradient echo EPI",
    "ReconMatrixPE": 80,
    "RepetitionTime": 2,
    "SeriesDescription": "ImageMRSERIES",
    "SeriesNumber": 3,
    "SliceEncodingDirection": "k",
    "SliceTiming": [
      0.0,
      0.0556,
      0.1111,
      0.1667,
      0.2222,
      0.2778,
      0.3333,
      0.3889,
      0.4444,
      0.5,
      0.5556,
      0.6111,
      0.6667,
      0.7222,
      0.7778,
      0.8333,
      0.8889,
      0.9444,
      1.0,
      1.0556,
      1.1111,
      1.1667,
      1.2222,
      1.2778,
      1.3333,
      1.3889,
      1.4444,
      1.5,
      1.5556,
      1.6111,
      1.6667,
      1.7222,
      1.7778,
      1.8333,
      1.8889,
      1.9444
    ],
    "TaskName": "workingmemory",
    "TotalReadoutTime": 0.026945238983542674,
    "UsePhilipsFloatNotDisplayScaling": 1,
    "WaterFatShift": 12,
    "acq_id": "seq",
    "dataset": "ds002790",
    "modality": "bold",
    "subject_id": "0124",
    "task_id": "workingmemory"
  },
  "dummy_trs": 0,
  "dvars_nstd": 18.49626386962264,
  "dvars_std": 1.26387691264151,
  "dvars_vstd": 1.0062550583647796,
  "efc": 0.4569804810486121,
  "fber": 186468.375,
  "fd_mean": 0.1044692601575171,
  "fd_num": 6,
  "fd_perc": 3.75,
  "fwhm_avg": 1.8959567760440412,
  "fwhm_x": 1.8520733333333332,
  "fwhm_y": 2.0986,
  "fwhm_z": 1.7371969947987904,
  "gcor": 0.0292613,
  "gsr_x": 0.002855385420843959,
  "gsr_y": 0.008163537830114365,
  "provenance": {
    "md5sum": "b9e44ff321daef7fe8767d4e3b1b0efa",
    "settings": {
      "fd_thres": 0.2,
      "testing": false
    },
    "software": "mriqc",
    "version": "22.0.0rc1",
    "webapi_port": null,
    "webapi_url": "https://mriqc.nimh.nih.gov/api/v1"
  },
  "size_t": 160,
  "size_x": 80,
  "size_y": 80,
  "size_z": 36,
  "snr": 6.523919418396509,
  "spacing_tr": 2.0,
  "spacing_x": 3.0,
  "spacing_y": 3.0,
  "spacing_z": 3.299999952316284,
  "summary_bg_k": 16.377009649803302,
  "summary_bg_mad": 66.37928332040602,
  "summary_bg_mean": 900.2608642578125,
  "summary_bg_median": 59.624603271484375,
  "summary_bg_n": 152285.0,
  "summary_bg_p05": 7.376504421234131,
  "summary_bg_p95": 5721.103710937495,
  "summary_bg_stdv": 2268.551513671875,
  "summary_fg_k": 3.1838181322142445,
  "summary_fg_mad": 3795.490636448921,
  "summary_fg_mean": 26124.236328125,
  "summary_fg_median": 25790.478515625,
  "summary_fg_n": 37188.0,
  "summary_fg_p05": 20759.3953125,
  "summary_fg_p95": 32148.75009765625,
  "summary_fg_stdv": 3953.165283203125,
  "tsnr": 93.79469299316406
}