{
  "aor": 0.0017599583333333332,
  "aqi": 0.00389717475,
  "bids_meta": {
    "AcquisitionNumber": 4,
    "BidsifyVersion": "0.3.5",
    "ConversionSoftware": "dcm2niix",
    "ConversionSoftwareVersion": "v1.0.20181125  GCC6.3.0",
    "EchoTime": 0.02763,
    "EffectiveEchoSpacing": 0.0006909035636805814,
    "FlipAngle": 76.1,
    "ImageComments": "PIOP2",
    "ImageOrientationPatientDICOM": [
      0.999201,
      0.0326176,
      -0.0230946,
      -0.0352421,
      0.991625,
      -0.12425
    ],
    "Manufacturer": "Philips",
    "NumberOfVolumesDiscardedByScanner": 2,
    "ParallelAcquisitionTechnique": "SENSE",
    "ParallelReductionFactorInPlane": 2,
    "PatientPosition": "HFS",
    "PhaseEncodingDirection": "j",
    "PhilipsRescaleIntercept": 0,
    "PhilipsRescaleSlope": 0.74945,
    "PhilipsScaleSlope": 0.0530883,
    "ProtocolName": "WIPtask-rest_boldSENSE",
    "PulseSequenceType": "gradient echo EPI",
    "ReconMatrixPE": 80,
    "RepetitionTime": 2,
    "SeriesDescription": "ImageMRSERIES",
    "SeriesNumber": 4,
    "SliceEncodingDirection": "k",
    "SliceTiming": [
      0.0,
      0.0556,
      0.1111,
      0.1667,
      0.2222,
      0.2778,
      0.3333,
      0.3889,
      0.4444,
      0.5,
      0.5556,
      0.6111,
      0.6667,
      0.7222,
      0.7778,
      0.8333,
      0.8889,
      0.9444,
      1.0,
      1.0556,
      1.1111,
      1.1667,
      1.2222,
      1.2778,
      1.3333,
      1.3889,
      1.4444,
      1.5,
      1.5556,
      1.6111,
      1.6667,
      1.7222,
      1.7778,
      1.8333,
      1.8889,
      1.9444
    ],
    "TaskName": "restingstate",
    "TotalReadoutTime": 0.026945238983542674,
    "UsePhilipsFloatNotDisplayScaling": 1,
    "WaterFatShift": 12,
    "acq_id": "seq",
    "dataset": "ds002790",
    "modality": "bold",
    "subject_id": "0157",
    "task_id": "restingstate"
  },
  "dummy_trs": 0,
  "dvars_nstd": 19.375176138242672,
  "dvars_std": 1.2705146351046024,
  "dvars_vstd": 1.0033170823849369,
  "efc": 0.43859091062586497,
  "fber": 186431.5625,
  "fd_mean": 0.11958134402534878,
  "fd_num": 13,
  "fd_perc": 5.416666666666667,
  "fwhm_avg": 1.9240247559158454,
  "fwhm_x": 1.8977533333333334,
  "fwhm_y": 2.1217966666666666,
  "fwhm_z": 1.7525242677475361,
  "gcor": 0.00888698,
  "gsr_x": -0.015786338597536087,
  "gsr_y": 0.020409872755408287,
  "provenance": {
    "md5sum": "9c851dc052cfbe4180394ef382c1fd27",
    "settings": {
      "fd_thres": 0.2,
      "testing": false
    },
    "software": "mriqc",
    "version": "22.0.0rc1",
    "webapi_port": null,
    "webapi_url": "https://mriqc.nimh.nih.gov/api/v1"
  },
  "size_t": 240,
  "size_x": 80,
  "size_y": 80,
  "size_z": 36,
  "snr": 6.224283638010835,
  "spacing_tr": 2.0,
  "spacing_x": 3.0,
  "spacing_y": 3.0,
  "spacing_z": 3.299999952316284,
  "summary_bg_k": 99.99832350685143,
  "summary_bg_mad": 64.03046019093084,
  "summary_bg_mean": 583.2028198242188,
  "summary_bg_median": 59.854251861572266,
  "summary_bg_n": 152279.0,
  "summary_bg_p05": 7.962664794921875,
  "summary_bg_p95": 2488.534130859375,
  "summary_bg_stdv": 1750.0877685546875,
  "summary_fg_k": 2.6966293204983582,
  "summary_fg_mad": 3858.275365553684,
  "summary_fg_mean": 26793.796875,
  "summary_fg_median": 26408.998046875,
  "summary_fg_n": 37051.0,
  "summary_fg_p05": 20910.62890625,
  "summary_fg_p95": 33681.900390625,
  "summary_fg_stdv": 4242.84033203125,
  "tsnr": 97.4961166381836
}