{
  "bids_meta": {
    "AcquisitionNumber": 2,
    "BidsifyVersion": "0.3.5",
    "ConversionSoftware": "dcm2niix",
    "ConversionSoftwareVersion": "v1.0.20181125  GCC6.3.0",
    "EchoTime": 0.00375,
    "ImageComments": "PIOP2",
    "ImageOrientationPatientDICOM": [
      0.999838,
      -0.00133652,
      -0.017927,
      -0.000174505,
      0.996464,
      -0.0840226
    ],
    "Manufacturer": "Philips",
    "NumberSignalAcquisitions": 2,
    "PatientPosition": "HFS",
    "PhilipsRescaleIntercept": 0,
    "PhilipsRescaleSlope": 8.32454,
    "PhilipsScaleSlope": 0.00724847,
    "ProtocolName": "WIPT1anat_acq-6m_T1wSENSE",
    "ReconMatrixPE": 240,
    "RepetitionTime": 0.008182,
    "SeriesDescription": "ImageMRSERIES",
    "SeriesNumber": 2,
    "UsePhilipsFloatNotDisplayScaling": 1,
    "dataset": "ds002790",
    "modality": "T1w",
    "subject_id": "0148"
  },
  "cjv": 0.26299547050435046,
  "cnr": 4.715564781519214,
  "efc": 0.762668146035485,
  "fber": 2156.035888671875,
  "fwhm_avg": 4.691706666666667,
  "fwhm_x": 4.42778,
  "fwhm_y": 4.7402,
  "fwhm_z": 4.90714,
  "icvs_csf": 0.24469302618291225,
  "icvs_gm": 0.3939363382573604,
  "icvs_wm": 0.3613706355597273,
  "inu_med": 2.172396659851074,
  "inu_range": 0.3990724921226505,
  "provenance": {
    "md5sum": "becd21b8c14bf5da49c23492fb372c08",
    "settings": {
      "testing": false
    },
    "software": "mriqc",
    "version": "22.0.0rc1",
    "warnings": {
      "large_rot_frame": true,
      "small_air_mask": true
    },
    "webapi_port": null,
    "webapi_url": "https://mriqc.nimh.nih.gov/api/v1"
  },
  "qi_1": 0.0,
  "qi_2": 5.2910818883502755e-05,
  "rpve_csf": 26.3967809377725,
  "rpve_gm": 16.188085089844407,
  "rpve_wm": 22.751834290262785,
  "size_x": 240,
  "size_y": 240,
  "size_z": 220,
  "snr_csf": 2.9478456953568783,
  "snr_gm": 10.725768575634234,
  "snr_total": 13.493200554333223,
  "snr_wm": 26.805987392008557,
  "snrd_csf": 26.116798290338767,
  "snrd_gm": 55.46255077113723,
  "snrd_total": 55.401851224272015,
  "snrd_wm": 84.62620461134007,
  "spacing_x": 1.0,
  "spacing_y": 1.0,
  "spacing_z": 1.0,
  "summary_bg_k": 70.47943885475486,
  "summary_bg_mad": 7.7415119952123845,
  "summary_bg_mean": 11.123520851135254,
  "summary_bg_median": 5.4129228591918945,
  "summary_bg_n": 201124.0,
  "summary_bg_p05": 0.0,
  "summary_bg_p95": 26.987238216400133,
  "summary_bg_stdv": 14.68457317352295,
  "summary_csf_k": 9.097465112686288,
  "summary_csf_mad": 108.03882263596519,
  "summary_csf_mean": 291.10296630859375,
  "summary_csf_median": 308.61285400390625,
  "summary_csf_n": 14472.0,
  "summary_csf_p05": 118.0955078125,
  "summary_csf_p95": 434.2076232910156,
  "summary_csf_stdv": 104.68736267089844,
  "summary_gm_k": 0.647568151293938,
  "summary_gm_mad": 58.04748743973103,
  "summary_gm_mean": 660.218505859375,
  "summary_gm_median": 655.381103515625,
  "summary_gm_n": 26260.0,
  "summary_gm_p05": 569.220101928711,
  "summary_gm_p95": 768.1369415283203,
  "summary_gm_stdv": 61.10225296020508,
  "summary_wm_k": 1.157013139756593,
  "summary_wm_mad": 32.58507930708181,
  "summary_wm_mean": 998.3140258789062,
  "summary_wm_median": 999.99755859375,
  "summary_wm_n": 204884.0,
  "summary_wm_p05": 933.538818359375,
  "summary_wm_p95": 1056.2271118164062,
  "summary_wm_stdv": 37.30491638183594,
  "tpm_overlap_csf": 0.17016789317131042,
  "tpm_overlap_gm": 0.4413425028324127,
  "tpm_overlap_wm": 0.5108769536018372,
  "wm2max": 0.7772123632949226
}