{
  "aor": 0.0018796017699115044,
  "aqi": 0.0034656682300884954,
  "bids_meta": {
    "AcquisitionNumber": 7,
    "BidsifyVersion": "0.3.5",
    "ConversionSoftware": "dcm2niix",
    "ConversionSoftwareVersion": "v1.0.20181125  GCC6.3.0",
    "EchoTime": 0.02763,
    "EffectiveEchoSpacing": 0.0006909035636805814,
    "FlipAngle": 76.1,
    "ImageComments": "PIOP2",
    "ImageOrientationPatientDICOM": [
      0.995316,
      0.0403341,
      -0.0878576,
      -0.0213703,
      0.97812,
      0.206942
    ],
    "Manufacturer": "Philips",
    "NumberOfVolumesDiscardedByScanner": 2,
    "ParallelAcquisitionTechnique": "SENSE",
    "ParallelReductionFactorInPlane": 2,
    "PatientPosition": "HFS",
    "PhaseEncodingDirection": "j",
    "PhilipsRescaleIntercept": 0,
    "PhilipsRescaleSlope": 0.78559,
    "PhilipsScaleSlope": 0.0544473,
    "ProtocolName": "WIPtask-stop_boldSENSE",
    "PulseSequenceType": "gradient echo EPI",
    "ReconMatrixPE": 80,
    "RepetitionTime": 2,
    "SeriesDescription": "ImageMRSERIES",
    "SeriesNumber": 7,
    "SliceEncodingDirection": "k",
    "SliceTiming": [
      0.0,
      0.0556,
      0.1111,
      0.1667,
      0.2222,
      0.2778,
      0.3333,
      0.3889,
      0.4444,
      0.5,
      0.5556,
      0.6111,
      0.6667,
      0.7222,
      0.7778,
      0.8333,
      0.8889,
      0.9444,
      1.0,
      1.0556,
      1.1111,
      1.1667,
      1.2222,
      1.2778,
      1.3333,
      1.3889,
      1.4444,
      1.5,
      1.5556,
      1.6111,
      1.6667,
      1.7222,
      1.7778,
      1.8333,
      1.8889,
      1.9444
    ],
    "TaskName": "stopsignal",
    "TotalReadoutTime": 0.026945238983542674,
    "UsePhilipsFloatNotDisplayScaling": 1,
    "WaterFatShift": 12,
    "acq_id": "seq",
    "dataset": "ds002790",
    "modality": "bold",
    "subject_id": "0046",
    "task_id": "stopsignal"
  },
  "dummy_trs": 0,
  "dvars_nstd": 20.99806535093332,
  "dvars_std": 1.3895772816444436,
  "dvars_vstd": 0.999102018577778,
  "efc": 0.4623881387290989,
  "fber": 181419.140625,
  "fd_mean": 0.08264796882746323,
  "fd_num": 2,
  "fd_perc": 0.8849557522123894,
  "fwhm_avg": 2.09790112075719,
  "fwhm_x": 2.007546666666667,
  "fwhm_y": 2.2834566666666665,
  "fwhm_z": 2.002700028938236,
  "gcor": 0.0242641,
  "gsr_x": -0.023005878552794456,
  "gsr_y": 0.025297613814473152,
  "provenance": {
    "md5sum": "73b77e56abb4905bc2327e2780213a02",
    "settings": {
      "fd_thres": 0.2,
      "testing": false
    },
    "software": "mriqc",
    "version": "22.0.0rc1",
    "webapi_port": null,
    "webapi_url": "https://mriqc.nimh.nih.gov/api/v1"
  },
  "size_t": 226,
  "size_x": 80,
  "size_y": 80,
  "size_z": 36,
  "snr": 4.924094827596001,
  "spacing_tr": 2.0,
  "spacing_x": 3.0,
  "spacing_y": 3.0,
  "spacing_z": 3.299999952316284,
  "summary_bg_k": 37.459895880457346,
  "summary_bg_mad": 66.83372204696037,
  "summary_bg_mean": 729.2452392578125,
  "summary_bg_median": 59.80828857421875,
  "summary_bg_n": 148240.0,
  "summary_bg_p05": 5.3790529727935805,
  "summary_bg_p95": 4144.40471191406,
  "summary_bg_stdv": 1939.0787353515625,
  "summary_fg_k": 1.3489558601472424,
  "summary_fg_mad": 4698.000123450813,
  "summary_fg_mean": 26649.4765625,
  "summary_fg_median": 25972.650390625,
  "summary_fg_n": 41218.0,
  "summary_fg_p05": 19237.73271484375,
  "summary_fg_p95": 36072.652734375006,
  "summary_fg_stdv": 5274.5400390625,
  "tsnr": 95.05024719238281
}