{
  "aor": 0.0025615454545454544,
  "aqi": 0.009633430863636364,
  "bids_meta": {
    "AcquisitionNumber": 7,
    "BidsifyVersion": "0.3.5",
    "ConversionSoftware": "dcm2niix",
    "ConversionSoftwareVersion": "v1.0.20181125  GCC6.3.0",
    "EchoTime": 0.02763,
    "EffectiveEchoSpacing": 0.0006909035636805814,
    "FlipAngle": 76.1,
    "ImageComments": "PIOP2",
    "ImageOrientationPatientDICOM": [
      0.998835,
      0.0335892,
      0.0346486,
      -0.0381968,
      0.98909,
      0.142273
    ],
    "Manufacturer": "Philips",
    "NumberOfVolumesDiscardedByScanner": 2,
    "ParallelAcquisitionTechnique": "SENSE",
    "ParallelReductionFactorInPlane": 2,
    "PatientPosition": "HFS",
    "PhaseEncodingDirection": "j",
    "PhilipsRescaleIntercept": 0,
    "PhilipsRescaleSlope": 0.78559,
    "PhilipsScaleSlope": 0.0595954,
    "ProtocolName": "WIPtask-stop_boldSENSE",
    "PulseSequenceType": "gradient echo EPI",
    "ReconMatrixPE": 80,
    "RepetitionTime": 2,
    "SeriesDescription": "ImageMRSERIES",
    "SeriesNumber": 7,
    "SliceEncodingDirection": "k",
    "SliceTiming": [
      0.0,
      0.0556,
      0.1111,
      0.1667,
      0.2222,
      0.2778,
      0.3333,
      0.3889,
      0.4444,
      0.5,
      0.5556,
      0.6111,
      0.6667,
      0.7222,
      0.7778,
      0.8333,
      0.8889,
      0.9444,
      1.0,
      1.0556,
      1.1111,
      1.1667,
      1.2222,
      1.2778,
      1.3333,
      1.3889,
      1.4444,
      1.5,
      1.5556,
      1.6111,
      1.6667,
      1.7222,
      1.7778,
      1.8333,
      1.8889,
      1.9444
    ],
    "TaskName": "stopsignal",
    "TotalReadoutTime": 0.026945238983542674,
    "UsePhilipsFloatNotDisplayScaling": 1,
    "WaterFatShift": 12,
    "acq_id": "seq",
    "dataset": "ds002790",
    "modality": "bold",
    "subject_id": "0120",
    "task_id": "stopsignal"
  },
  "dummy_trs": 0,
  "dvars_nstd": 17.76974279173515,
  "dvars_std": 1.1237185611415523,
  "dvars_vstd": 1.0079731703196346,
  "efc": 0.4903893409932542,
  "fber": 163826.78125,
  "fd_mean": 0.13683149693929914,
  "fd_num": 42,
  "fd_perc": 19.09090909090909,
  "fwhm_avg": 1.9629532409483803,
  "fwhm_x": 1.9041566666666665,
  "fwhm_y": 2.193966666666667,
  "fwhm_z": 1.7907363895118078,
  "gcor": 0.0477146,
  "gsr_x": -0.009669540449976921,
  "gsr_y": 0.023232657462358475,
  "provenance": {
    "md5sum": "6f0d062fd716c3bc1ef634b305490649",
    "settings": {
      "fd_thres": 0.2,
      "testing": false
    },
    "software": "mriqc",
    "version": "22.0.0rc1",
    "webapi_port": null,
    "webapi_url": "https://mriqc.nimh.nih.gov/api/v1"
  },
  "size_t": 220,
  "size_x": 80,
  "size_y": 80,
  "size_z": 36,
  "snr": 6.108574929439511,
  "spacing_tr": 2.0,
  "spacing_x": 3.0,
  "spacing_y": 3.0,
  "spacing_z": 3.299999952316284,
  "summary_bg_k": 35.40576211027761,
  "summary_bg_mad": 65.84981989595924,
  "summary_bg_mean": 759.5256958007812,
  "summary_bg_median": 58.22145462036133,
  "summary_bg_n": 142413.0,
  "summary_bg_p05": 5.744462394714356,
  "summary_bg_p95": 4439.71943359375,
  "summary_bg_stdv": 1971.3388671875,
  "summary_fg_k": 2.5240512368958,
  "summary_fg_mad": 3313.062878235539,
  "summary_fg_mean": 24565.92578125,
  "summary_fg_median": 24137.25,
  "summary_fg_n": 45872.0,
  "summary_fg_p05": 19094.7296875,
  "summary_fg_p95": 31295.46748046875,
  "summary_fg_stdv": 3951.32861328125,
  "tsnr": 68.33697509765625
}