{
  "aor": 0.0030914074074074073,
  "aqi": 0.007945524148148147,
  "bids_meta": {
    "AcquisitionNumber": 8,
    "BidsifyVersion": "0.3.5",
    "ConversionSoftware": "dcm2niix",
    "ConversionSoftwareVersion": "v1.0.20181125  GCC6.3.0",
    "EchoTime": 0.02763,
    "EffectiveEchoSpacing": 0.0006909035636805814,
    "FlipAngle": 76.1,
    "ImageComments": "PIOP2",
    "ImageOrientationPatientDICOM": [
      0.998835,
      0.0335892,
      0.0346486,
      -0.0381968,
      0.98909,
      0.142273
    ],
    "Manufacturer": "Philips",
    "NumberOfVolumesDiscardedByScanner": 2,
    "ParallelAcquisitionTechnique": "SENSE",
    "ParallelReductionFactorInPlane": 2,
    "PatientPosition": "HFS",
    "PhaseEncodingDirection": "j",
    "PhilipsRescaleIntercept": 0,
    "PhilipsRescaleSlope": 0.78388,
    "PhilipsScaleSlope": 0.0583564,
    "ProtocolName": "WIPtask-harriri_boldSENSE",
    "PulseSequenceType": "gradient echo EPI",
    "ReconMatrixPE": 80,
    "RepetitionTime": 2,
    "SeriesDescription": "ImageMRSERIES",
    "SeriesNumber": 8,
    "SliceEncodingDirection": "k",
    "SliceTiming": [
      0.0,
      0.0556,
      0.1111,
      0.1667,
      0.2222,
      0.2778,
      0.3333,
      0.3889,
      0.4444,
      0.5,
      0.5556,
      0.6111,
      0.6667,
      0.7222,
      0.7778,
      0.8333,
      0.8889,
      0.9444,
      1.0,
      1.0556,
      1.1111,
      1.1667,
      1.2222,
      1.2778,
      1.3333,
      1.3889,
      1.4444,
      1.5,
      1.5556,
      1.6111,
      1.6667,
      1.7222,
      1.7778,
      1.8333,
      1.8889,
      1.9444
    ],
    "TaskName": "emomatching",
    "TotalReadoutTime": 0.026945238983542674,
    "UsePhilipsFloatNotDisplayScaling": 1,
    "WaterFatShift": 12,
    "acq_id": "seq",
    "dataset": "ds002790",
    "modality": "bold",
    "subject_id": "0120",
    "task_id": "emomatching"
  },
  "dummy_trs": 0,
  "dvars_nstd": 18.69664767977612,
  "dvars_std": 1.0951379965671644,
  "dvars_vstd": 0.9750993080597012,
  "efc": 0.4905702580740499,
  "fber": 157915.703125,
  "fd_mean": 0.17100096370204337,
  "fd_num": 28,
  "fd_perc": 20.74074074074074,
  "fwhm_avg": 1.9615943521583912,
  "fwhm_x": 1.8921400000000002,
  "fwhm_y": 2.1813733333333336,
  "fwhm_z": 1.8112697231418398,
  "gcor": 0.0601396,
  "gsr_x": -0.010264283046126366,
  "gsr_y": 0.02296275645494461,
  "provenance": {
    "md5sum": "d19ce2d83c76b15dd99cea361526b398",
    "settings": {
      "fd_thres": 0.2,
      "testing": false
    },
    "software": "mriqc",
    "version": "22.0.0rc1",
    "webapi_port": null,
    "webapi_url": "https://mriqc.nimh.nih.gov/api/v1"
  },
  "size_t": 135,
  "size_x": 80,
  "size_y": 80,
  "size_z": 36,
  "snr": 6.100293761118613,
  "spacing_tr": 2.0,
  "spacing_x": 3.0,
  "spacing_y": 3.0,
  "spacing_z": 3.299999952316284,
  "summary_bg_k": 36.53470637594379,
  "summary_bg_mad": 69.1213655798268,
  "summary_bg_mean": 777.1182861328125,
  "summary_bg_median": 60.54408264160156,
  "summary_bg_n": 142818.0,
  "summary_bg_p05": 6.14537935256958,
  "summary_bg_p95": 4530.53488769531,
  "summary_bg_stdv": 1984.1165771484375,
  "summary_fg_k": 2.569980046899336,
  "summary_fg_mad": 3364.4732684452038,
  "summary_fg_mean": 24922.337890625,
  "summary_fg_median": 24482.201171875,
  "summary_fg_n": 45807.0,
  "summary_fg_p05": 19399.143359375,
  "summary_fg_p95": 31745.213671874997,
  "summary_fg_stdv": 4013.238525390625,
  "tsnr": 72.3200454711914
}