{
  "bids_meta": {
    "AcquisitionNumber": 2,
    "BidsifyVersion": "0.3.5",
    "ConversionSoftware": "dcm2niix",
    "ConversionSoftwareVersion": "v1.0.20181125  GCC6.3.0",
    "EchoTime": 0.00373,
    "ImageComments": "PIOP2",
    "ImageOrientationPatientDICOM": [
      0.998099,
      0.061535,
      0.00349627,
      -0.0615709,
      0.998038,
      0.0113251
    ],
    "Manufacturer": "Philips",
    "NumberSignalAcquisitions": 2,
    "PatientPosition": "HFS",
    "PhilipsRescaleIntercept": 0,
    "PhilipsRescaleSlope": 8.15214,
    "PhilipsScaleSlope": 0.00725628,
    "ProtocolName": "WIPT1anat_acq-6m_T1wSENSE",
    "ReconMatrixPE": 240,
    "RepetitionTime": 0.008123,
    "SeriesDescription": "ImageMRSERIES",
    "SeriesNumber": 2,
    "UsePhilipsFloatNotDisplayScaling": 1,
    "dataset": "ds002790",
    "modality": "T1w",
    "subject_id": "0082"
  },
  "cjv": 0.27277749593489264,
  "cnr": 4.291042836209501,
  "efc": 0.7567934430908685,
  "fber": 1428.548095703125,
  "fwhm_avg": 4.63329,
  "fwhm_x": 4.40275,
  "fwhm_y": 4.76965,
  "fwhm_z": 4.72747,
  "icvs_csf": 0.28320726590268913,
  "icvs_gm": 0.36481197992095227,
  "icvs_wm": 0.3519807541763586,
  "inu_med": 2.315096378326416,
  "inu_range": 0.5414389729499818,
  "provenance": {
    "md5sum": "63c5d20255a2983383d0b6f906496a1d",
    "settings": {
      "testing": false
    },
    "software": "mriqc",
    "version": "22.0.0rc1",
    "warnings": {
      "large_rot_frame": true,
      "small_air_mask": true
    },
    "webapi_port": null,
    "webapi_url": "https://mriqc.nimh.nih.gov/api/v1"
  },
  "qi_1": 7.075638576381519e-05,
  "qi_2": 0.00011652553472741293,
  "rpve_csf": 23.59915644330333,
  "rpve_gm": 16.403346764872758,
  "rpve_wm": 23.014042236242553,
  "size_x": 240,
  "size_y": 240,
  "size_z": 220,
  "snr_csf": 3.2907647061828733,
  "snr_gm": 9.520774638958883,
  "snr_total": 13.331202814852736,
  "snr_wm": 27.182069099416452,
  "snrd_csf": 22.378768132698664,
  "snrd_gm": 47.436594217615294,
  "snrd_total": 47.212956540866735,
  "snrd_wm": 71.82350727228624,
  "spacing_x": 1.0,
  "spacing_y": 1.0,
  "spacing_z": 1.0,
  "summary_bg_k": 8.352576428532414,
  "summary_bg_mad": 9.12149687371462,
  "summary_bg_mean": 11.647392272949219,
  "summary_bg_median": 6.277929306030273,
  "summary_bg_n": 154611.0,
  "summary_bg_p05": 0.0,
  "summary_bg_p95": 31.02877712249756,
  "summary_bg_stdv": 9.787273406982422,
  "summary_csf_k": -0.15747624113810632,
  "summary_csf_mad": 87.24990535884211,
  "summary_csf_mean": 294.0000305175781,
  "summary_csf_median": 311.5807189941406,
  "summary_csf_n": 21947.0,
  "summary_csf_p05": 109.36305313110351,
  "summary_csf_p95": 423.0820648193359,
  "summary_csf_stdv": 94.68122100830078,
  "summary_gm_k": 0.7980850933892918,
  "summary_gm_mad": 60.89600391526989,
  "summary_gm_mean": 667.1036376953125,
  "summary_gm_median": 660.4620971679688,
  "summary_gm_n": 15375.0,
  "summary_gm_p05": 565.1529663085937,
  "summary_gm_p95": 795.628125,
  "summary_gm_stdv": 69.36837005615234,
  "summary_wm_k": 1.5593638433958903,
  "summary_wm_mad": 31.722927656885762,
  "summary_wm_mean": 998.3104858398438,
  "summary_wm_median": 1000.0023193359375,
  "summary_wm_n": 192969.0,
  "summary_wm_p05": 935.7410400390625,
  "summary_wm_p95": 1055.09794921875,
  "summary_wm_stdv": 36.78894805908203,
  "tpm_overlap_csf": 0.1639121174812317,
  "tpm_overlap_gm": 0.4291874170303345,
  "tpm_overlap_wm": 0.5313253402709961,
  "wm2max": 0.6811848564442832
}