{
  "aor": 0.003782625,
  "aqi": 0.003448625875,
  "bids_meta": {
    "AcquisitionNumber": 3,
    "BidsifyVersion": "0.3.5",
    "ConversionSoftware": "dcm2niix",
    "ConversionSoftwareVersion": "v1.0.20181125  GCC6.3.0",
    "EchoTime": 0.02763,
    "FlipAngle": 76.1,
    "ImageComments": "PIOP2",
    "ImageOrientationPatientDICOM": [
      0.999614,
      0.00790766,
      -0.0266348,
      -0.0122132,
      0.986118,
      -0.165595
    ],
    "Manufacturer": "Philips",
    "NumberOfVolumesDiscardedByScanner": 2,
    "ParallelAcquisitionTechnique": "SENSE",
    "ParallelReductionFactorInPlane": 2,
    "PatientPosition": "HFS",
    "PhaseEncodingDirection": "j",
    "PhilipsRescaleIntercept": 0,
    "PhilipsRescaleSlope": 0.77656,
    "PhilipsScaleSlope": 0.0531328,
    "ProtocolName": "WIPtask-wm_boldSENSE",
    "PulseSequenceType": "gradient echo EPI",
    "ReconMatrixPE": 80,
    "RepetitionTime": 2,
    "SeriesDescription": "ImageMRSERIES",
    "SeriesNumber": 3,
    "SliceEncodingDirection": "k",
    "TaskName": "workingmemory",
    "UsePhilipsFloatNotDisplayScaling": 1,
    "WaterFatShift": 12,
    "acq_id": "seq",
    "dataset": "ds002790",
    "modality": "bold",
    "subject_id": "0210",
    "task_id": "workingmemory"
  },
  "dummy_trs": 0,
  "dvars_nstd": 19.369243567987425,
  "dvars_std": 1.3629795766037731,
  "dvars_vstd": 1.0363406918238987,
  "efc": 0.4071997374871279,
  "fber": 270326.84375,
  "fd_mean": 0.0960020456976658,
  "fd_num": 5,
  "fd_perc": 3.125,
  "fwhm_avg": 1.9295087965753812,
  "fwhm_x": 1.9215566666666666,
  "fwhm_y": 2.0614,
  "fwhm_z": 1.805569723059477,
  "gcor": 0.0810214,
  "gsr_x": -0.014481961727142334,
  "gsr_y": 0.004998837597668171,
  "provenance": {
    "md5sum": "937af5e3fa0bcb380f570a8d3fba5f1b",
    "settings": {
      "fd_thres": 0.2,
      "testing": false
    },
    "software": "mriqc",
    "version": "23.0.1",
    "webapi_port": null,
    "webapi_url": "https://mriqc.nimh.nih.gov/api/v1"
  },
  "size_t": 160,
  "size_x": 80,
  "size_y": 80,
  "size_z": 36,
  "snr": 6.453179056002109,
  "spacing_tr": 2.0,
  "spacing_x": 3.0,
  "spacing_y": 3.0,
  "spacing_z": 3.299999952316284,
  "summary_bg_k": 108.94527924305164,
  "summary_bg_mad": 56.00712643659806,
  "summary_bg_mean": 514.5991821289062,
  "summary_bg_median": 52.389129638671875,
  "summary_bg_n": 158296.0,
  "summary_bg_p05": 4.996984958648682,
  "summary_bg_p95": 2242.6074829101562,
  "summary_bg_stdv": 1721.4796142578125,
  "summary_fg_k": 1.8893316754040628,
  "summary_fg_mad": 3990.982742647225,
  "summary_fg_mean": 28120.169921875,
  "summary_fg_median": 27757.904296875,
  "summary_fg_n": 32001.0,
  "summary_fg_p05": 21997.466796875,
  "summary_fg_p95": 35145.59765625,
  "summary_fg_stdv": 4301.36376953125,
  "tsnr": 101.92662048339844
}