{
  "aor": 0.0011910416666666666,
  "aqi": 0.0044579757916666666,
  "bids_meta": {
    "AcquisitionNumber": 4,
    "BidsifyVersion": "0.3.5",
    "ConversionSoftware": "dcm2niix",
    "ConversionSoftwareVersion": "v1.0.20181125  GCC6.3.0",
    "EchoTime": 0.02763,
    "EffectiveEchoSpacing": 0.0006909035636805814,
    "FlipAngle": 76.1,
    "ImageComments": "PIOP2",
    "ImageOrientationPatientDICOM": [
      0.999756,
      0.0125649,
      -0.0181707,
      -0.01588,
      0.980539,
      -0.195682
    ],
    "Manufacturer": "Philips",
    "NumberOfVolumesDiscardedByScanner": 2,
    "ParallelAcquisitionTechnique": "SENSE",
    "ParallelReductionFactorInPlane": 2,
    "PatientPosition": "HFS",
    "PhaseEncodingDirection": "j",
    "PhilipsRescaleIntercept": 0,
    "PhilipsRescaleSlope": 0.81001,
    "PhilipsScaleSlope": 0.0588959,
    "ProtocolName": "WIPtask-rest_boldSENSE",
    "PulseSequenceType": "gradient echo EPI",
    "ReconMatrixPE": 80,
    "RepetitionTime": 2,
    "SeriesDescription": "ImageMRSERIES",
    "SeriesNumber": 4,
    "SliceEncodingDirection": "k",
    "SliceTiming": [
      0.0,
      0.0556,
      0.1111,
      0.1667,
      0.2222,
      0.2778,
      0.3333,
      0.3889,
      0.4444,
      0.5,
      0.5556,
      0.6111,
      0.6667,
      0.7222,
      0.7778,
      0.8333,
      0.8889,
      0.9444,
      1.0,
      1.0556,
      1.1111,
      1.1667,
      1.2222,
      1.2778,
      1.3333,
      1.3889,
      1.4444,
      1.5,
      1.5556,
      1.6111,
      1.6667,
      1.7222,
      1.7778,
      1.8333,
      1.8889,
      1.9444
    ],
    "TaskName": "restingstate",
    "TotalReadoutTime": 0.026945238983542674,
    "UsePhilipsFloatNotDisplayScaling": 1,
    "WaterFatShift": 12,
    "acq_id": "seq",
    "dataset": "ds002790",
    "modality": "bold",
    "subject_id": "0026",
    "task_id": "restingstate"
  },
  "dummy_trs": 0,
  "dvars_nstd": 20.9296178539749,
  "dvars_std": 1.3114678798326365,
  "dvars_vstd": 0.9817214687447695,
  "efc": 0.39595845137649394,
  "fber": 205633.375,
  "fd_mean": 0.13634156104557268,
  "fd_num": 37,
  "fd_perc": 15.416666666666666,
  "fwhm_avg": 1.956966069603921,
  "fwhm_x": 1.9107766666666668,
  "fwhm_y": 2.0920033333333334,
  "fwhm_z": 1.868118208811763,
  "gcor": 0.0302295,
  "gsr_x": -0.014216871000826359,
  "gsr_y": 0.008913420140743256,
  "provenance": {
    "md5sum": "5514818b74790e51dcdd871835333b56",
    "settings": {
      "fd_thres": 0.2,
      "testing": false
    },
    "software": "mriqc",
    "version": "22.0.0rc1",
    "webapi_port": null,
    "webapi_url": "https://mriqc.nimh.nih.gov/api/v1"
  },
  "size_t": 240,
  "size_x": 80,
  "size_y": 80,
  "size_z": 36,
  "snr": 5.755538031329907,
  "spacing_tr": 2.0,
  "spacing_x": 3.0,
  "spacing_y": 3.0,
  "spacing_z": 3.299999952316284,
  "summary_bg_k": 126.01448112975774,
  "summary_bg_mad": 49.188118545191,
  "summary_bg_mean": 435.9842224121094,
  "summary_bg_median": 50.7869873046875,
  "summary_bg_n": 160393.0,
  "summary_bg_p05": 6.553113460540772,
  "summary_bg_p95": 1826.467065429686,
  "summary_bg_stdv": 1528.8173828125,
  "summary_fg_k": 2.311962438978255,
  "summary_fg_mad": 3700.6316036854137,
  "summary_fg_mean": 23969.140625,
  "summary_fg_median": 23501.82421875,
  "summary_fg_n": 30126.0,
  "summary_fg_p05": 18403.12646484375,
  "summary_fg_p95": 30822.171875,
  "summary_fg_stdv": 4083.273193359375,
  "tsnr": 87.97637939453125
}