{
  "aor": 0.0020301875,
  "aqi": 0.0032735231249999995,
  "bids_meta": {
    "AcquisitionNumber": 3,
    "BidsifyVersion": "0.3.5",
    "ConversionSoftware": "dcm2niix",
    "ConversionSoftwareVersion": "v1.0.20181125  GCC6.3.0",
    "EchoTime": 0.02763,
    "EffectiveEchoSpacing": 0.0006909035636805814,
    "FlipAngle": 76.1,
    "ImageComments": "PIOP2",
    "ImageOrientationPatientDICOM": [
      0.999756,
      0.0125649,
      -0.0181707,
      -0.01588,
      0.980539,
      -0.195682
    ],
    "Manufacturer": "Philips",
    "NumberOfVolumesDiscardedByScanner": 2,
    "ParallelAcquisitionTechnique": "SENSE",
    "ParallelReductionFactorInPlane": 2,
    "PatientPosition": "HFS",
    "PhaseEncodingDirection": "j",
    "PhilipsRescaleIntercept": 0,
    "PhilipsRescaleSlope": 0.79976,
    "PhilipsScaleSlope": 0.0621156,
    "ProtocolName": "WIPtask-wm_boldSENSE",
    "PulseSequenceType": "gradient echo EPI",
    "ReconMatrixPE": 80,
    "RepetitionTime": 2,
    "SeriesDescription": "ImageMRSERIES",
    "SeriesNumber": 3,
    "SliceEncodingDirection": "k",
    "SliceTiming": [
      0.0,
      0.0556,
      0.1111,
      0.1667,
      0.2222,
      0.2778,
      0.3333,
      0.3889,
      0.4444,
      0.5,
      0.5556,
      0.6111,
      0.6667,
      0.7222,
      0.7778,
      0.8333,
      0.8889,
      0.9444,
      1.0,
      1.0556,
      1.1111,
      1.1667,
      1.2222,
      1.2778,
      1.3333,
      1.3889,
      1.4444,
      1.5,
      1.5556,
      1.6111,
      1.6667,
      1.7222,
      1.7778,
      1.8333,
      1.8889,
      1.9444
    ],
    "TaskName": "workingmemory",
    "TotalReadoutTime": 0.026945238983542674,
    "UsePhilipsFloatNotDisplayScaling": 1,
    "WaterFatShift": 12,
    "acq_id": "seq",
    "dataset": "ds002790",
    "modality": "bold",
    "subject_id": "0026",
    "task_id": "workingmemory"
  },
  "dummy_trs": 0,
  "dvars_nstd": 22.1243371064151,
  "dvars_std": 1.376720858679244,
  "dvars_vstd": 1.0050904093710686,
  "efc": 0.3961528795689702,
  "fber": 210949.328125,
  "fd_mean": 0.12986974703212925,
  "fd_num": 20,
  "fd_perc": 12.5,
  "fwhm_avg": 1.9432629382458062,
  "fwhm_x": 1.89806,
  "fwhm_y": 2.07295,
  "fwhm_z": 1.8587788147374182,
  "gcor": 0.0291867,
  "gsr_x": -0.013987942598760128,
  "gsr_y": 0.00785891991108656,
  "provenance": {
    "md5sum": "1ba3548519c43923331a870a57084bc2",
    "settings": {
      "fd_thres": 0.2,
      "testing": false
    },
    "software": "mriqc",
    "version": "22.0.0rc1",
    "webapi_port": null,
    "webapi_url": "https://mriqc.nimh.nih.gov/api/v1"
  },
  "size_t": 160,
  "size_x": 80,
  "size_y": 80,
  "size_z": 36,
  "snr": 5.960216032466938,
  "spacing_tr": 2.0,
  "spacing_x": 3.0,
  "spacing_y": 3.0,
  "spacing_z": 3.299999952316284,
  "summary_bg_k": 108.93181713731927,
  "summary_bg_mad": 46.933015666276034,
  "summary_bg_mean": 423.8931579589844,
  "summary_bg_median": 49.34785079956055,
  "summary_bg_n": 160293.0,
  "summary_bg_p05": 6.819215488433838,
  "summary_bg_p95": 1772.8077880859373,
  "summary_bg_stdv": 1464.2593994140625,
  "summary_fg_k": 1.9814880455767945,
  "summary_fg_mad": 3564.786727561109,
  "summary_fg_mean": 23658.3515625,
  "summary_fg_median": 23226.16796875,
  "summary_fg_n": 30184.0,
  "summary_fg_p05": 18252.59814453125,
  "summary_fg_p95": 30166.629199218747,
  "summary_fg_stdv": 3896.80224609375,
  "tsnr": 101.15617370605469
}