{
  "aor": 0.004383127753303964,
  "aqi": 0.005220774537444934,
  "bids_meta": {
    "AcquisitionNumber": 7,
    "BidsifyVersion": "0.3.5",
    "ConversionSoftware": "dcm2niix",
    "ConversionSoftwareVersion": "v1.0.20181125  GCC6.3.0",
    "EchoTime": 0.02763,
    "EffectiveEchoSpacing": 0.0006909035636805814,
    "FlipAngle": 76.1,
    "ImageComments": "PIOP2",
    "ImageOrientationPatientDICOM": [
      0.999756,
      0.0125649,
      -0.0181707,
      -0.01588,
      0.980539,
      -0.195682
    ],
    "Manufacturer": "Philips",
    "NumberOfVolumesDiscardedByScanner": 2,
    "ParallelAcquisitionTechnique": "SENSE",
    "ParallelReductionFactorInPlane": 2,
    "PatientPosition": "HFS",
    "PhaseEncodingDirection": "j",
    "PhilipsRescaleIntercept": 0,
    "PhilipsRescaleSlope": 0.8127,
    "PhilipsScaleSlope": 0.0619443,
    "ProtocolName": "WIPtask-stop_boldSENSE",
    "PulseSequenceType": "gradient echo EPI",
    "ReconMatrixPE": 80,
    "RepetitionTime": 2,
    "SeriesDescription": "ImageMRSERIES",
    "SeriesNumber": 7,
    "SliceEncodingDirection": "k",
    "SliceTiming": [
      0.0,
      0.0556,
      0.1111,
      0.1667,
      0.2222,
      0.2778,
      0.3333,
      0.3889,
      0.4444,
      0.5,
      0.5556,
      0.6111,
      0.6667,
      0.7222,
      0.7778,
      0.8333,
      0.8889,
      0.9444,
      1.0,
      1.0556,
      1.1111,
      1.1667,
      1.2222,
      1.2778,
      1.3333,
      1.3889,
      1.4444,
      1.5,
      1.5556,
      1.6111,
      1.6667,
      1.7222,
      1.7778,
      1.8333,
      1.8889,
      1.9444
    ],
    "TaskName": "stopsignal",
    "TotalReadoutTime": 0.026945238983542674,
    "UsePhilipsFloatNotDisplayScaling": 1,
    "WaterFatShift": 12,
    "acq_id": "seq",
    "dataset": "ds002790",
    "modality": "bold",
    "subject_id": "0026",
    "task_id": "stopsignal"
  },
  "dummy_trs": 0,
  "dvars_nstd": 20.52684627371681,
  "dvars_std": 1.3482638878761066,
  "dvars_vstd": 1.0305954951327436,
  "efc": 0.3978201837042814,
  "fber": 211373.453125,
  "fd_mean": 0.12075462970575404,
  "fd_num": 12,
  "fd_perc": 5.286343612334802,
  "fwhm_avg": 1.9225426350689636,
  "fwhm_x": 1.8784,
  "fwhm_y": 2.0608733333333333,
  "fwhm_z": 1.8283545718735577,
  "gcor": 0.0358857,
  "gsr_x": -0.014250796288251877,
  "gsr_y": 0.009257568046450615,
  "provenance": {
    "md5sum": "cf427aea0602ea99451f58b4d9406a21",
    "settings": {
      "fd_thres": 0.2,
      "testing": false
    },
    "software": "mriqc",
    "version": "22.0.0rc1",
    "webapi_port": null,
    "webapi_url": "https://mriqc.nimh.nih.gov/api/v1"
  },
  "size_t": 227,
  "size_x": 80,
  "size_y": 80,
  "size_z": 36,
  "snr": 6.075423666899159,
  "spacing_tr": 2.0,
  "spacing_x": 3.0,
  "spacing_y": 3.0,
  "spacing_z": 3.299999952316284,
  "summary_bg_k": 131.74751132346265,
  "summary_bg_mad": 47.482642998954645,
  "summary_bg_mean": 434.2651672363281,
  "summary_bg_median": 49.19479751586914,
  "summary_bg_n": 160228.0,
  "summary_bg_p05": 6.880154013633728,
  "summary_bg_p95": 1838.6043884277337,
  "summary_bg_stdv": 1511.1107177734375,
  "summary_fg_k": 2.055483333384853,
  "summary_fg_mad": 3482.314083449277,
  "summary_fg_mean": 23502.119140625,
  "summary_fg_median": 23087.734375,
  "summary_fg_n": 30273.0,
  "summary_fg_p05": 18244.979296875,
  "summary_fg_p95": 29903.308984375,
  "summary_fg_stdv": 3800.122314453125,
  "tsnr": 84.02072143554688
}