{
  "aor": 0.0025132083333333334,
  "aqi": 0.0038436650000000004,
  "bids_meta": {
    "AcquisitionNumber": 4,
    "BidsifyVersion": "0.3.5",
    "ConversionSoftware": "dcm2niix",
    "ConversionSoftwareVersion": "v1.0.20181125  GCC6.3.0",
    "EchoTime": 0.02763,
    "EffectiveEchoSpacing": 0.0006909035636805814,
    "FlipAngle": 76.1,
    "ImageComments": "PIOP2",
    "ImageOrientationPatientDICOM": [
      0.998213,
      0.0577518,
      -0.0153481,
      -0.0596545,
      0.978082,
      -0.199492
    ],
    "Manufacturer": "Philips",
    "NumberOfVolumesDiscardedByScanner": 2,
    "ParallelAcquisitionTechnique": "SENSE",
    "ParallelReductionFactorInPlane": 2,
    "PatientPosition": "HFS",
    "PhaseEncodingDirection": "j",
    "PhilipsRescaleIntercept": 0,
    "PhilipsRescaleSlope": 0.76777,
    "PhilipsScaleSlope": 0.05934,
    "ProtocolName": "WIPtask-rest_boldSENSE",
    "PulseSequenceType": "gradient echo EPI",
    "ReconMatrixPE": 80,
    "RepetitionTime": 2,
    "SeriesDescription": "ImageMRSERIES",
    "SeriesNumber": 4,
    "SliceEncodingDirection": "k",
    "SliceTiming": [
      0.0,
      0.0556,
      0.1111,
      0.1667,
      0.2222,
      0.2778,
      0.3333,
      0.3889,
      0.4444,
      0.5,
      0.5556,
      0.6111,
      0.6667,
      0.7222,
      0.7778,
      0.8333,
      0.8889,
      0.9444,
      1.0,
      1.0556,
      1.1111,
      1.1667,
      1.2222,
      1.2778,
      1.3333,
      1.3889,
      1.4444,
      1.5,
      1.5556,
      1.6111,
      1.6667,
      1.7222,
      1.7778,
      1.8333,
      1.8889,
      1.9444
    ],
    "TaskName": "restingstate",
    "TotalReadoutTime": 0.026945238983542674,
    "UsePhilipsFloatNotDisplayScaling": 1,
    "WaterFatShift": 12,
    "acq_id": "seq",
    "dataset": "ds002790",
    "modality": "bold",
    "subject_id": "0034",
    "task_id": "restingstate"
  },
  "dummy_trs": 0,
  "dvars_nstd": 18.33636449062762,
  "dvars_std": 1.247463772468619,
  "dvars_vstd": 1.0098104246861928,
  "efc": 0.4419465270274541,
  "fber": 188601.890625,
  "fd_mean": 0.14076005306641398,
  "fd_num": 45,
  "fd_perc": 18.75,
  "fwhm_avg": 2.07875809013494,
  "fwhm_x": 2.06618,
  "fwhm_y": 2.23367,
  "fwhm_z": 1.9364242704048196,
  "gcor": 0.0316773,
  "gsr_x": -0.021009143441915512,
  "gsr_y": 0.02027563564479351,
  "provenance": {
    "md5sum": "4763bd5e03d33fc696b4f6eda7830958",
    "settings": {
      "fd_thres": 0.2,
      "testing": false
    },
    "software": "mriqc",
    "version": "22.0.0rc1",
    "webapi_port": null,
    "webapi_url": "https://mriqc.nimh.nih.gov/api/v1"
  },
  "size_t": 240,
  "size_x": 80,
  "size_y": 80,
  "size_z": 36,
  "snr": 5.270693340901066,
  "spacing_tr": 2.0,
  "spacing_x": 3.0,
  "spacing_y": 3.0,
  "spacing_z": 3.299999952316284,
  "summary_bg_k": 40.357382824433515,
  "summary_bg_mad": 59.064371387616674,
  "summary_bg_mean": 519.7905883789062,
  "summary_bg_median": 54.39076232910156,
  "summary_bg_n": 150496.0,
  "summary_bg_p05": 5.246020674705505,
  "summary_bg_p95": 2722.222900390625,
  "summary_bg_stdv": 1459.40185546875,
  "summary_fg_k": 0.8412992971427582,
  "summary_fg_mad": 4511.44996188287,
  "summary_fg_mean": 24951.90625,
  "summary_fg_median": 24451.787109375,
  "summary_fg_n": 38504.0,
  "summary_fg_p05": 18284.6845703125,
  "summary_fg_p95": 32967.0353515625,
  "summary_fg_stdv": 4639.13720703125,
  "tsnr": 84.4033203125
}