{
  "aor": 0.0033582962962962963,
  "aqi": 0.0030654240740740743,
  "bids_meta": {
    "AcquisitionNumber": 8,
    "BidsifyVersion": "0.3.5",
    "ConversionSoftware": "dcm2niix",
    "ConversionSoftwareVersion": "v1.0.20181125  GCC6.3.0",
    "EchoTime": 0.02763,
    "EffectiveEchoSpacing": 0.0006909035636805814,
    "FlipAngle": 76.1,
    "ImageComments": "PIOP2",
    "ImageOrientationPatientDICOM": [
      0.998213,
      0.0577518,
      -0.0153481,
      -0.0596545,
      0.978082,
      -0.199492
    ],
    "Manufacturer": "Philips",
    "NumberOfVolumesDiscardedByScanner": 2,
    "ParallelAcquisitionTechnique": "SENSE",
    "ParallelReductionFactorInPlane": 2,
    "PatientPosition": "HFS",
    "PhaseEncodingDirection": "j",
    "PhilipsRescaleIntercept": 0,
    "PhilipsRescaleSlope": 0.79634,
    "PhilipsScaleSlope": 0.0557382,
    "ProtocolName": "WIPtask-harriri_boldSENSE",
    "PulseSequenceType": "gradient echo EPI",
    "ReconMatrixPE": 80,
    "RepetitionTime": 2,
    "SeriesDescription": "ImageMRSERIES",
    "SeriesNumber": 8,
    "SliceEncodingDirection": "k",
    "SliceTiming": [
      0.0,
      0.0556,
      0.1111,
      0.1667,
      0.2222,
      0.2778,
      0.3333,
      0.3889,
      0.4444,
      0.5,
      0.5556,
      0.6111,
      0.6667,
      0.7222,
      0.7778,
      0.8333,
      0.8889,
      0.9444,
      1.0,
      1.0556,
      1.1111,
      1.1667,
      1.2222,
      1.2778,
      1.3333,
      1.3889,
      1.4444,
      1.5,
      1.5556,
      1.6111,
      1.6667,
      1.7222,
      1.7778,
      1.8333,
      1.8889,
      1.9444
    ],
    "TaskName": "emomatching",
    "TotalReadoutTime": 0.026945238983542674,
    "UsePhilipsFloatNotDisplayScaling": 1,
    "WaterFatShift": 12,
    "acq_id": "seq",
    "dataset": "ds002790",
    "modality": "bold",
    "subject_id": "0034",
    "task_id": "emomatching"
  },
  "dummy_trs": 0,
  "dvars_nstd": 18.510121174253737,
  "dvars_std": 1.2429593382089557,
  "dvars_vstd": 1.021123704850746,
  "efc": 0.4427600360048298,
  "fber": 199789.953125,
  "fd_mean": 0.15191214080698898,
  "fd_num": 32,
  "fd_perc": 23.703703703703702,
  "fwhm_avg": 2.0704369789981407,
  "fwhm_x": 2.04852,
  "fwhm_y": 2.2317,
  "fwhm_z": 1.9310909369944218,
  "gcor": 0.0217972,
  "gsr_x": -0.02172727696597576,
  "gsr_y": 0.021677372977137566,
  "provenance": {
    "md5sum": "735f6d95fd8f20559b8f6dab0bf2b45a",
    "settings": {
      "fd_thres": 0.2,
      "testing": false
    },
    "software": "mriqc",
    "version": "22.0.0rc1",
    "webapi_port": null,
    "webapi_url": "https://mriqc.nimh.nih.gov/api/v1"
  },
  "size_t": 135,
  "size_x": 80,
  "size_y": 80,
  "size_z": 36,
  "snr": 5.24647230728457,
  "spacing_tr": 2.0,
  "spacing_x": 3.0,
  "spacing_y": 3.0,
  "spacing_z": 3.299999952316284,
  "summary_bg_k": 37.24296020101288,
  "summary_bg_mad": 56.2333889297472,
  "summary_bg_mean": 533.4495849609375,
  "summary_bg_median": 52.42330551147461,
  "summary_bg_n": 150510.0,
  "summary_bg_p05": 5.71579442024231,
  "summary_bg_p95": 2809.3870849609325,
  "summary_bg_stdv": 1474.6396484375,
  "summary_fg_k": 0.933959975251963,
  "summary_fg_mad": 4474.128636310196,
  "summary_fg_mean": 24764.96875,
  "summary_fg_median": 24250.212890625,
  "summary_fg_n": 38375.0,
  "summary_fg_p05": 18149.2384765625,
  "summary_fg_p95": 32724.1203125,
  "summary_fg_stdv": 4622.1337890625,
  "tsnr": 90.61956787109375
}