{
  "bids_meta": {
    "AcquisitionNumber": 2,
    "BidsifyVersion": "0.3.5",
    "ConversionSoftware": "dcm2niix",
    "ConversionSoftwareVersion": "v1.0.20181125  GCC6.3.0",
    "EchoTime": 0.00377,
    "ImageComments": "PIOP2",
    "ImageOrientationPatientDICOM": [
      0.997286,
      -0.0645599,
      0.0353948,
      0.0665893,
      0.996004,
      -0.0595195
    ],
    "Manufacturer": "Philips",
    "NumberSignalAcquisitions": 2,
    "PatientPosition": "HFS",
    "PhilipsRescaleIntercept": 0,
    "PhilipsRescaleSlope": 8.863,
    "PhilipsScaleSlope": 0.00687071,
    "ProtocolName": "WIPT1anat_acq-6m_T1wSENSE",
    "ReconMatrixPE": 240,
    "RepetitionTime": 0.008208,
    "SeriesDescription": "ImageMRSERIES",
    "SeriesNumber": 2,
    "UsePhilipsFloatNotDisplayScaling": 1,
    "dataset": "ds002790",
    "modality": "T1w",
    "subject_id": "0086"
  },
  "cjv": 0.2747977154129076,
  "cnr": 4.349558696884903,
  "efc": 0.779459531998824,
  "fber": 1282.2115478515625,
  "fwhm_avg": 4.792016666666666,
  "fwhm_x": 4.3285,
  "fwhm_y": 4.95786,
  "fwhm_z": 5.08969,
  "icvs_csf": 0.24956401478557527,
  "icvs_gm": 0.40008033405638943,
  "icvs_wm": 0.3503556511580353,
  "inu_med": 2.055424213409424,
  "inu_range": 0.6463019669055938,
  "provenance": {
    "md5sum": "28e2163e27e58092c92003bb24810bfe",
    "settings": {
      "testing": false
    },
    "software": "mriqc",
    "version": "22.0.0rc1",
    "warnings": {
      "large_rot_frame": true,
      "small_air_mask": true
    },
    "webapi_port": null,
    "webapi_url": "https://mriqc.nimh.nih.gov/api/v1"
  },
  "qi_1": 0.0,
  "qi_2": 0.00025793804826014586,
  "rpve_csf": 19.50268277003205,
  "rpve_gm": 12.08734143390873,
  "rpve_wm": 17.531608126390704,
  "size_x": 240,
  "size_y": 240,
  "size_z": 220,
  "snr_csf": 2.654116346708408,
  "snr_gm": 9.353106194192565,
  "snr_total": 12.722952919415894,
  "snr_wm": 26.16163621734671,
  "snrd_csf": 19.350146279285813,
  "snrd_gm": 42.92691625597985,
  "snrd_total": 42.69217968786381,
  "snrd_wm": 65.79947652832578,
  "spacing_x": 1.0,
  "spacing_y": 1.0,
  "spacing_z": 1.0,
  "summary_bg_k": 4.0418802858310565,
  "summary_bg_mad": 9.956532372724205,
  "summary_bg_mean": 11.003397941589355,
  "summary_bg_median": 6.916003227233887,
  "summary_bg_n": 125829.0,
  "summary_bg_p05": 0.0,
  "summary_bg_p95": 27.086172103881832,
  "summary_bg_stdv": 7.8020243644714355,
  "summary_csf_k": -1.0112413995969332,
  "summary_csf_mad": 138.81082711089502,
  "summary_csf_mean": 297.20965576171875,
  "summary_csf_median": 294.07672119140625,
  "summary_csf_n": 22432.0,
  "summary_csf_p05": 128.00084648132324,
  "summary_csf_p95": 463.9053802490235,
  "summary_csf_stdv": 110.79776763916016,
  "summary_gm_k": 0.7398762656569216,
  "summary_gm_mad": 62.01496862064898,
  "summary_gm_mean": 658.6946411132812,
  "summary_gm_median": 652.38818359375,
  "summary_gm_n": 24912.0,
  "summary_gm_p05": 554.9475402832031,
  "summary_gm_p95": 785.6760620117184,
  "summary_gm_stdv": 69.74956512451172,
  "summary_wm_k": 1.145342623801029,
  "summary_wm_mad": 33.50722639617369,
  "summary_wm_mean": 998.8704223632812,
  "summary_wm_median": 999.997314453125,
  "summary_wm_n": 257315.0,
  "summary_wm_p05": 933.3290893554688,
  "summary_wm_p95": 1058.5387573242188,
  "summary_wm_stdv": 38.223731994628906,
  "tpm_overlap_csf": 0.17265477776527405,
  "tpm_overlap_gm": 0.45341816544532776,
  "tpm_overlap_wm": 0.5048062205314636,
  "wm2max": 0.7074137549863921
}