{
  "aor": 0.0030649375,
  "aqi": 0.006681926062499999,
  "bids_meta": {
    "AcquisitionNumber": 3,
    "BidsifyVersion": "0.3.5",
    "ConversionSoftware": "dcm2niix",
    "ConversionSoftwareVersion": "v1.0.20181125  GCC6.3.0",
    "EchoTime": 0.02763,
    "EffectiveEchoSpacing": 0.0006909035636805814,
    "FlipAngle": 76.1,
    "ImageComments": "PIOP2",
    "ImageOrientationPatientDICOM": [
      0.999658,
      0.0183197,
      -0.0186418,
      -0.0216381,
      0.980139,
      -0.197129
    ],
    "Manufacturer": "Philips",
    "NumberOfVolumesDiscardedByScanner": 2,
    "ParallelAcquisitionTechnique": "SENSE",
    "ParallelReductionFactorInPlane": 2,
    "PatientPosition": "HFS",
    "PhaseEncodingDirection": "j",
    "PhilipsRescaleIntercept": 0,
    "PhilipsRescaleSlope": 0.83443,
    "PhilipsScaleSlope": 0.0677012,
    "ProtocolName": "WIPtask-wm_boldSENSE",
    "PulseSequenceType": "gradient echo EPI",
    "ReconMatrixPE": 80,
    "RepetitionTime": 2,
    "SeriesDescription": "ImageMRSERIES",
    "SeriesNumber": 3,
    "SliceEncodingDirection": "k",
    "SliceTiming": [
      0.0,
      0.0556,
      0.1111,
      0.1667,
      0.2222,
      0.2778,
      0.3333,
      0.3889,
      0.4444,
      0.5,
      0.5556,
      0.6111,
      0.6667,
      0.7222,
      0.7778,
      0.8333,
      0.8889,
      0.9444,
      1.0,
      1.0556,
      1.1111,
      1.1667,
      1.2222,
      1.2778,
      1.3333,
      1.3889,
      1.4444,
      1.5,
      1.5556,
      1.6111,
      1.6667,
      1.7222,
      1.7778,
      1.8333,
      1.8889,
      1.9444
    ],
    "TaskName": "workingmemory",
    "TotalReadoutTime": 0.026945238983542674,
    "UsePhilipsFloatNotDisplayScaling": 1,
    "WaterFatShift": 12,
    "acq_id": "seq",
    "dataset": "ds002790",
    "modality": "bold",
    "subject_id": "0055",
    "task_id": "workingmemory"
  },
  "dummy_trs": 0,
  "dvars_nstd": 24.0012864045283,
  "dvars_std": 1.3781831240880507,
  "dvars_vstd": 0.9861104213836488,
  "efc": 0.41753236014483097,
  "fber": 208968.359375,
  "fd_mean": 0.11508733345709457,
  "fd_num": 3,
  "fd_perc": 1.875,
  "fwhm_avg": 1.9316707159282165,
  "fwhm_x": 1.8934866666666668,
  "fwhm_y": 2.0625466666666665,
  "fwhm_z": 1.838978814451316,
  "gcor": 0.0159174,
  "gsr_x": -0.017478734254837036,
  "gsr_y": 0.0016553997993469238,
  "provenance": {
    "md5sum": "0bdfdf471c7eabe44c7953c1d7d08b8c",
    "settings": {
      "fd_thres": 0.2,
      "testing": false
    },
    "software": "mriqc",
    "version": "22.0.0rc1",
    "webapi_port": null,
    "webapi_url": "https://mriqc.nimh.nih.gov/api/v1"
  },
  "size_t": 160,
  "size_x": 80,
  "size_y": 80,
  "size_z": 36,
  "snr": 6.028304782843863,
  "spacing_tr": 2.0,
  "spacing_x": 3.0,
  "spacing_y": 3.0,
  "spacing_z": 3.299999952316284,
  "summary_bg_k": 41.40406972656892,
  "summary_bg_mad": 55.05142844795963,
  "summary_bg_mean": 463.72967529296875,
  "summary_bg_median": 51.40320587158203,
  "summary_bg_n": 156676.0,
  "summary_bg_p05": 5.011021614074707,
  "summary_bg_p95": 2113.9638061523438,
  "summary_bg_stdv": 1402.7984619140625,
  "summary_fg_k": 1.1807699503413671,
  "summary_fg_mad": 3878.522152100151,
  "summary_fg_mean": 24208.73828125,
  "summary_fg_median": 23927.982421875,
  "summary_fg_n": 33897.0,
  "summary_fg_p05": 18467.126171875,
  "summary_fg_p95": 30870.194921874994,
  "summary_fg_stdv": 3969.213623046875,
  "tsnr": 75.20216369628906
}