{
  "bids_meta": {
    "AcquisitionNumber": 2,
    "BidsifyVersion": "0.3.5",
    "ConversionSoftware": "dcm2niix",
    "ConversionSoftwareVersion": "v1.0.20181125  GCC6.3.0",
    "EchoTime": 0.00378,
    "ImageComments": "PIOP2",
    "ImageOrientationPatientDICOM": [
      0.997856,
      0.0568967,
      0.0323421,
      -0.0591088,
      0.995641,
      0.0721482
    ],
    "Manufacturer": "Philips",
    "NumberSignalAcquisitions": 2,
    "PatientPosition": "HFS",
    "PhilipsRescaleIntercept": 0,
    "PhilipsRescaleSlope": 9.17607,
    "PhilipsScaleSlope": 0.00682974,
    "ProtocolName": "WIPT1anat_acq-6m_T1wSENSE",
    "ReconMatrixPE": 240,
    "RepetitionTime": 0.008218,
    "SeriesDescription": "ImageMRSERIES",
    "SeriesNumber": 2,
    "UsePhilipsFloatNotDisplayScaling": 1,
    "dataset": "ds002790",
    "modality": "T1w",
    "subject_id": "0018"
  },
  "cjv": 0.26178427271887544,
  "cnr": 4.539769035698532,
  "efc": 0.7627610838346343,
  "fber": 1534.139404296875,
  "fwhm_avg": 4.4794833333333335,
  "fwhm_x": 4.20638,
  "fwhm_y": 4.51698,
  "fwhm_z": 4.71509,
  "icvs_csf": 0.2576575877254591,
  "icvs_gm": 0.3903444114283552,
  "icvs_wm": 0.3519980008461857,
  "inu_med": 1.4083350896835327,
  "inu_range": 0.3127776086330414,
  "provenance": {
    "md5sum": "51d22f861f2a21603d16e15abca823bb",
    "settings": {
      "testing": false
    },
    "software": "mriqc",
    "version": "22.0.0rc1",
    "warnings": {
      "large_rot_frame": true,
      "small_air_mask": true
    },
    "webapi_port": null,
    "webapi_url": "https://mriqc.nimh.nih.gov/api/v1"
  },
  "qi_1": 0.0004712363417466755,
  "qi_2": 8.38879521586702e-05,
  "rpve_csf": 22.170931531251327,
  "rpve_gm": 14.139543452923544,
  "rpve_wm": 20.49130526011025,
  "size_x": 240,
  "size_y": 240,
  "size_z": 220,
  "snr_csf": 2.5993836651685176,
  "snr_gm": 9.02729885594852,
  "snr_total": 13.038848722765536,
  "snr_wm": 27.48986364717957,
  "snrd_csf": 21.70187436880577,
  "snrd_gm": 52.69513850729958,
  "snrd_total": 52.33386920210953,
  "snrd_wm": 82.60459473022325,
  "spacing_x": 1.0,
  "spacing_y": 1.0,
  "spacing_z": 1.0,
  "summary_bg_k": 4.117919575242703,
  "summary_bg_mad": 7.93085739959102,
  "summary_bg_mean": 8.565235137939453,
  "summary_bg_median": 5.492456436157227,
  "summary_bg_n": 159170.0,
  "summary_bg_p05": 0.0,
  "summary_bg_p95": 21.872848510742188,
  "summary_bg_stdv": 6.672362327575684,
  "summary_csf_k": -0.7875573294314244,
  "summary_csf_mad": 124.9768562027846,
  "summary_csf_mean": 267.34478759765625,
  "summary_csf_median": 262.7154846191406,
  "summary_csf_n": 24983.0,
  "summary_csf_p05": 120.60659637451172,
  "summary_csf_p95": 426.3910491943359,
  "summary_csf_stdv": 101.06635284423828,
  "summary_gm_k": 0.7762175065444858,
  "summary_gm_mad": 64.14498768316693,
  "summary_gm_mean": 643.3464965820312,
  "summary_gm_median": 637.9093627929688,
  "summary_gm_n": 23451.0,
  "summary_gm_p05": 538.8795166015625,
  "summary_gm_p95": 769.4345092773438,
  "summary_gm_stdv": 70.66297149658203,
  "summary_wm_k": 1.7574497108866964,
  "summary_wm_mad": 30.640204540160937,
  "summary_wm_mean": 996.7926025390625,
  "summary_wm_median": 999.9830322265625,
  "summary_wm_n": 214644.0,
  "summary_wm_p05": 931.525732421875,
  "summary_wm_p95": 1049.57109375,
  "summary_wm_stdv": 36.3763427734375,
  "tpm_overlap_csf": 0.1745878905057907,
  "tpm_overlap_gm": 0.43394529819488525,
  "tpm_overlap_wm": 0.5015978217124939,
  "wm2max": 0.8145951909818168
}