{
  "aor": 0.0017031666666666666,
  "aqi": 0.0030290525416666668,
  "bids_meta": {
    "AcquisitionNumber": 4,
    "BidsifyVersion": "0.3.5",
    "ConversionSoftware": "dcm2niix",
    "ConversionSoftwareVersion": "v1.0.20181125  GCC6.3.0",
    "EchoTime": 0.02763,
    "EffectiveEchoSpacing": 0.0006909035636805814,
    "FlipAngle": 76.1,
    "ImageComments": "PIOP2",
    "ImageOrientationPatientDICOM": [
      0.999949,
      -0.00797628,
      0.00612684,
      0.00785375,
      0.999774,
      0.0197697
    ],
    "Manufacturer": "Philips",
    "NumberOfVolumesDiscardedByScanner": 2,
    "ParallelAcquisitionTechnique": "SENSE",
    "ParallelReductionFactorInPlane": 2,
    "PatientPosition": "HFS",
    "PhaseEncodingDirection": "j",
    "PhilipsRescaleIntercept": 0,
    "PhilipsRescaleSlope": 0.77729,
    "PhilipsScaleSlope": 0.0676419,
    "ProtocolName": "WIPtask-rest_boldSENSE",
    "PulseSequenceType": "gradient echo EPI",
    "ReconMatrixPE": 80,
    "RepetitionTime": 2,
    "SeriesDescription": "ImageMRSERIES",
    "SeriesNumber": 4,
    "SliceEncodingDirection": "k",
    "SliceTiming": [
      0.0,
      0.0556,
      0.1111,
      0.1667,
      0.2222,
      0.2778,
      0.3333,
      0.3889,
      0.4444,
      0.5,
      0.5556,
      0.6111,
      0.6667,
      0.7222,
      0.7778,
      0.8333,
      0.8889,
      0.9444,
      1.0,
      1.0556,
      1.1111,
      1.1667,
      1.2222,
      1.2778,
      1.3333,
      1.3889,
      1.4444,
      1.5,
      1.5556,
      1.6111,
      1.6667,
      1.7222,
      1.7778,
      1.8333,
      1.8889,
      1.9444
    ],
    "TaskName": "restingstate",
    "TotalReadoutTime": 0.026945238983542674,
    "UsePhilipsFloatNotDisplayScaling": 1,
    "WaterFatShift": 12,
    "acq_id": "seq",
    "dataset": "ds002790",
    "modality": "bold",
    "subject_id": "0169",
    "task_id": "restingstate"
  },
  "dummy_trs": 0,
  "dvars_nstd": 17.757697492552314,
  "dvars_std": 1.1924071741422595,
  "dvars_vstd": 1.0110367841841001,
  "efc": 0.4110906493042316,
  "fber": 199580.953125,
  "fd_mean": 0.08844620048045078,
  "fd_num": 5,
  "fd_perc": 2.0833333333333335,
  "fwhm_avg": 1.8626107152469975,
  "fwhm_x": 1.81703,
  "fwhm_y": 2.0732566666666665,
  "fwhm_z": 1.697545479074326,
  "gcor": 0.0199797,
  "gsr_x": -0.012496656738221645,
  "gsr_y": 0.014110695570707321,
  "provenance": {
    "md5sum": "3bb223ef05758f1030c5fa69812daf6e",
    "settings": {
      "fd_thres": 0.2,
      "testing": false
    },
    "software": "mriqc",
    "version": "22.0.0rc1",
    "webapi_port": null,
    "webapi_url": "https://mriqc.nimh.nih.gov/api/v1"
  },
  "size_t": 240,
  "size_x": 80,
  "size_y": 80,
  "size_z": 36,
  "snr": 5.956327394000061,
  "spacing_tr": 2.0,
  "spacing_x": 3.0,
  "spacing_y": 3.0,
  "spacing_z": 3.299999952316284,
  "summary_bg_k": 131.1128898509201,
  "summary_bg_mad": 53.915749798312355,
  "summary_bg_mean": 481.03369140625,
  "summary_bg_median": 49.55902099609375,
  "summary_bg_n": 158569.0,
  "summary_bg_p05": 4.964951038360596,
  "summary_bg_p95": 2017.2172119140625,
  "summary_bg_stdv": 1555.1453857421875,
  "summary_fg_k": 1.6853162030212356,
  "summary_fg_mad": 3484.1933975895313,
  "summary_fg_mean": 22860.078125,
  "summary_fg_median": 22446.51171875,
  "summary_fg_n": 32263.0,
  "summary_fg_p05": 17636.7666015625,
  "summary_fg_p95": 29204.489843749998,
  "summary_fg_stdv": 3768.45703125,
  "tsnr": 102.22250366210938
}