{
  "aor": 0.020043562499999997,
  "aqi": 0.007088112937499999,
  "bids_meta": {
    "AcquisitionNumber": 3,
    "BidsifyVersion": "0.3.5",
    "ConversionSoftware": "dcm2niix",
    "ConversionSoftwareVersion": "v1.0.20181125  GCC6.3.0",
    "EchoTime": 0.02763,
    "EffectiveEchoSpacing": 0.0006909035636805814,
    "FlipAngle": 76.1,
    "ImageComments": "PIOP2",
    "ImageOrientationPatientDICOM": [
      0.998382,
      0.0568565,
      -0.000621234,
      -0.0566922,
      0.99454,
      -0.0876092
    ],
    "Manufacturer": "Philips",
    "NumberOfVolumesDiscardedByScanner": 2,
    "ParallelAcquisitionTechnique": "SENSE",
    "ParallelReductionFactorInPlane": 2,
    "PatientPosition": "HFS",
    "PhaseEncodingDirection": "j",
    "PhilipsRescaleIntercept": 0,
    "PhilipsRescaleSlope": 0.7939,
    "PhilipsScaleSlope": 0.0449378,
    "ProtocolName": "WIPtask-wm_boldSENSE",
    "PulseSequenceType": "gradient echo EPI",
    "ReconMatrixPE": 80,
    "RepetitionTime": 2,
    "SeriesDescription": "ImageMRSERIES",
    "SeriesNumber": 3,
    "SliceEncodingDirection": "k",
    "SliceTiming": [
      0.0,
      0.0556,
      0.1111,
      0.1667,
      0.2222,
      0.2778,
      0.3333,
      0.3889,
      0.4444,
      0.5,
      0.5556,
      0.6111,
      0.6667,
      0.7222,
      0.7778,
      0.8333,
      0.8889,
      0.9444,
      1.0,
      1.0556,
      1.1111,
      1.1667,
      1.2222,
      1.2778,
      1.3333,
      1.3889,
      1.4444,
      1.5,
      1.5556,
      1.6111,
      1.6667,
      1.7222,
      1.7778,
      1.8333,
      1.8889,
      1.9444
    ],
    "TaskName": "workingmemory",
    "TotalReadoutTime": 0.026945238983542674,
    "UsePhilipsFloatNotDisplayScaling": 1,
    "WaterFatShift": 12,
    "acq_id": "seq",
    "dataset": "ds002790",
    "modality": "bold",
    "subject_id": "0176",
    "task_id": "workingmemory"
  },
  "dummy_trs": 0,
  "dvars_nstd": 26.598261107232698,
  "dvars_std": 1.3320827197484284,
  "dvars_vstd": 1.1197966810062896,
  "efc": 0.4333533776137949,
  "fber": 218888.0,
  "fd_mean": 0.2881708655204388,
  "fd_num": 42,
  "fd_perc": 26.25,
  "fwhm_avg": 2.027559706227767,
  "fwhm_x": 1.9753166666666668,
  "fwhm_y": 2.1852199999999997,
  "fwhm_z": 1.9221424520166346,
  "gcor": 0.0272634,
  "gsr_x": -0.007581374607980251,
  "gsr_y": 0.010602501221001148,
  "provenance": {
    "md5sum": "b04c476adf5558648b44759898760c3a",
    "settings": {
      "fd_thres": 0.2,
      "testing": false
    },
    "software": "mriqc",
    "version": "22.0.0rc1",
    "webapi_port": null,
    "webapi_url": "https://mriqc.nimh.nih.gov/api/v1"
  },
  "size_t": 160,
  "size_x": 80,
  "size_y": 80,
  "size_z": 36,
  "snr": 5.230648226803796,
  "spacing_tr": 2.0,
  "spacing_x": 3.0,
  "spacing_y": 3.0,
  "spacing_z": 3.299999952316284,
  "summary_bg_k": 61.40209497598778,
  "summary_bg_mad": 67.02664219371242,
  "summary_bg_mean": 554.0049438476562,
  "summary_bg_median": 60.556915283203125,
  "summary_bg_n": 151668.0,
  "summary_bg_p05": 5.551602387428284,
  "summary_bg_p95": 2501.572143554687,
  "summary_bg_stdv": 1809.885498046875,
  "summary_fg_k": 1.731553189649004,
  "summary_fg_mad": 5196.3499291221115,
  "summary_fg_mean": 29755.806640625,
  "summary_fg_median": 29036.890625,
  "summary_fg_n": 36983.0,
  "summary_fg_p05": 22135.8744140625,
  "summary_fg_p95": 39365.28515625001,
  "summary_fg_stdv": 5551.2236328125,
  "tsnr": 57.06809616088867
}