{
  "aor": 0.0017575,
  "aqi": 0.0032770339375,
  "bids_meta": {
    "AcquisitionNumber": 3,
    "BidsifyVersion": "0.3.5",
    "ConversionSoftware": "dcm2niix",
    "ConversionSoftwareVersion": "v1.0.20181125  GCC6.3.0",
    "EchoTime": 0.02763,
    "EffectiveEchoSpacing": 0.0006909035636805814,
    "FlipAngle": 76.1,
    "ImageComments": "PIOP2",
    "ImageOrientationPatientDICOM": [
      0.998545,
      0.0391666,
      -0.0370533,
      -0.0467409,
      0.971397,
      -0.232816
    ],
    "Manufacturer": "Philips",
    "NumberOfVolumesDiscardedByScanner": 2,
    "ParallelAcquisitionTechnique": "SENSE",
    "ParallelReductionFactorInPlane": 2,
    "PatientPosition": "HFS",
    "PhaseEncodingDirection": "j",
    "PhilipsRescaleIntercept": 0,
    "PhilipsRescaleSlope": 0.75018,
    "PhilipsScaleSlope": 0.0579174,
    "ProtocolName": "WIPtask-wm_boldSENSE",
    "PulseSequenceType": "gradient echo EPI",
    "ReconMatrixPE": 80,
    "RepetitionTime": 2,
    "SeriesDescription": "ImageMRSERIES",
    "SeriesNumber": 3,
    "SliceEncodingDirection": "k",
    "SliceTiming": [
      0.0,
      0.0556,
      0.1111,
      0.1667,
      0.2222,
      0.2778,
      0.3333,
      0.3889,
      0.4444,
      0.5,
      0.5556,
      0.6111,
      0.6667,
      0.7222,
      0.7778,
      0.8333,
      0.8889,
      0.9444,
      1.0,
      1.0556,
      1.1111,
      1.1667,
      1.2222,
      1.2778,
      1.3333,
      1.3889,
      1.4444,
      1.5,
      1.5556,
      1.6111,
      1.6667,
      1.7222,
      1.7778,
      1.8333,
      1.8889,
      1.9444
    ],
    "TaskName": "workingmemory",
    "TotalReadoutTime": 0.026945238983542674,
    "UsePhilipsFloatNotDisplayScaling": 1,
    "WaterFatShift": 12,
    "acq_id": "seq",
    "dataset": "ds002790",
    "modality": "bold",
    "subject_id": "0094",
    "task_id": "workingmemory"
  },
  "dummy_trs": 0,
  "dvars_nstd": 17.296675297861626,
  "dvars_std": 1.2511384708805036,
  "dvars_vstd": 1.000703117421384,
  "efc": 0.3789233287073086,
  "fber": 290194.4375,
  "fd_mean": 0.0729213333517758,
  "fd_num": 0,
  "fd_perc": 0.0,
  "fwhm_avg": 1.9384425338983258,
  "fwhm_x": 1.97938,
  "fwhm_y": 2.040923333333333,
  "fwhm_z": 1.7950242683616446,
  "gcor": 0.0638881,
  "gsr_x": -0.017436431720852852,
  "gsr_y": 0.006907969247549772,
  "provenance": {
    "md5sum": "364d9e45e72f1b125f68f07f7bcdf0aa",
    "settings": {
      "fd_thres": 0.2,
      "testing": false
    },
    "software": "mriqc",
    "version": "22.0.0rc1",
    "webapi_port": null,
    "webapi_url": "https://mriqc.nimh.nih.gov/api/v1"
  },
  "size_t": 160,
  "size_x": 80,
  "size_y": 80,
  "size_z": 36,
  "snr": 6.508552318577476,
  "spacing_tr": 2.0,
  "spacing_x": 3.0,
  "spacing_y": 3.0,
  "spacing_z": 3.299999952316284,
  "summary_bg_k": 118.92601034314721,
  "summary_bg_mad": 47.214013110236266,
  "summary_bg_mean": 510.3143615722656,
  "summary_bg_median": 47.26032638549805,
  "summary_bg_n": 165154.0,
  "summary_bg_p05": 4.425722813606262,
  "summary_bg_p95": 2467.800939941407,
  "summary_bg_stdv": 1704.0909423828125,
  "summary_fg_k": 2.1452927574529825,
  "summary_fg_mad": 3817.845498024826,
  "summary_fg_mean": 26560.77734375,
  "summary_fg_median": 26288.8203125,
  "summary_fg_n": 26236.0,
  "summary_fg_p05": 20701.92822265625,
  "summary_fg_p95": 32888.0751953125,
  "summary_fg_stdv": 4039.04248046875,
  "tsnr": 104.18743133544922
}