{
  "aor": 0.0025747407407407403,
  "aqi": 0.0037242428888888896,
  "bids_meta": {
    "AcquisitionNumber": 8,
    "BidsifyVersion": "0.3.5",
    "ConversionSoftware": "dcm2niix",
    "ConversionSoftwareVersion": "v1.0.20181125  GCC6.3.0",
    "EchoTime": 0.02763,
    "EffectiveEchoSpacing": 0.0006909035636805814,
    "FlipAngle": 76.1,
    "ImageComments": "PIOP2",
    "ImageOrientationPatientDICOM": [
      0.998545,
      0.0391666,
      -0.0370533,
      -0.0467409,
      0.971397,
      -0.232816
    ],
    "Manufacturer": "Philips",
    "NumberOfVolumesDiscardedByScanner": 2,
    "ParallelAcquisitionTechnique": "SENSE",
    "ParallelReductionFactorInPlane": 2,
    "PatientPosition": "HFS",
    "PhaseEncodingDirection": "j",
    "PhilipsRescaleIntercept": 0,
    "PhilipsRescaleSlope": 0.78803,
    "PhilipsScaleSlope": 0.0607102,
    "ProtocolName": "WIPtask-harriri_boldSENSE",
    "PulseSequenceType": "gradient echo EPI",
    "ReconMatrixPE": 80,
    "RepetitionTime": 2,
    "SeriesDescription": "ImageMRSERIES",
    "SeriesNumber": 8,
    "SliceEncodingDirection": "k",
    "SliceTiming": [
      0.0,
      0.0556,
      0.1111,
      0.1667,
      0.2222,
      0.2778,
      0.3333,
      0.3889,
      0.4444,
      0.5,
      0.5556,
      0.6111,
      0.6667,
      0.7222,
      0.7778,
      0.8333,
      0.8889,
      0.9444,
      1.0,
      1.0556,
      1.1111,
      1.1667,
      1.2222,
      1.2778,
      1.3333,
      1.3889,
      1.4444,
      1.5,
      1.5556,
      1.6111,
      1.6667,
      1.7222,
      1.7778,
      1.8333,
      1.8889,
      1.9444
    ],
    "TaskName": "emomatching",
    "TotalReadoutTime": 0.026945238983542674,
    "UsePhilipsFloatNotDisplayScaling": 1,
    "WaterFatShift": 12,
    "acq_id": "seq",
    "dataset": "ds002790",
    "modality": "bold",
    "subject_id": "0094",
    "task_id": "emomatching"
  },
  "dummy_trs": 0,
  "dvars_nstd": 18.295849978059703,
  "dvars_std": 1.3221831449999992,
  "dvars_vstd": 1.025851021492537,
  "efc": 0.37993035964406013,
  "fber": 285262.84375,
  "fd_mean": 0.08814943765235651,
  "fd_num": 2,
  "fd_perc": 1.4814814814814814,
  "fwhm_avg": 1.9031829377482579,
  "fwhm_x": 1.9511633333333334,
  "fwhm_y": 2.0029066666666666,
  "fwhm_z": 1.7554788132447736,
  "gcor": 0.0300693,
  "gsr_x": -0.017503133043646812,
  "gsr_y": 0.006926771719008684,
  "provenance": {
    "md5sum": "6daee8898c0ef38c706a314c66b1d542",
    "settings": {
      "fd_thres": 0.2,
      "testing": false
    },
    "software": "mriqc",
    "version": "22.0.0rc1",
    "webapi_port": null,
    "webapi_url": "https://mriqc.nimh.nih.gov/api/v1"
  },
  "size_t": 135,
  "size_x": 80,
  "size_y": 80,
  "size_z": 36,
  "snr": 6.748216324617142,
  "spacing_tr": 2.0,
  "spacing_x": 3.0,
  "spacing_y": 3.0,
  "spacing_z": 3.299999952316284,
  "summary_bg_k": 115.26127902678108,
  "summary_bg_mad": 46.61929234488926,
  "summary_bg_mean": 509.7779846191406,
  "summary_bg_median": 46.67033767700195,
  "summary_bg_n": 165151.0,
  "summary_bg_p05": 4.657482385635376,
  "summary_bg_p95": 2477.4266357421875,
  "summary_bg_stdv": 1686.731689453125,
  "summary_fg_k": 2.069057450799277,
  "summary_fg_mad": 3635.6302105215377,
  "summary_fg_mean": 25952.240234375,
  "summary_fg_median": 25728.64453125,
  "summary_fg_n": 26261.0,
  "summary_fg_p05": 20359.4609375,
  "summary_fg_p95": 31868.76953125,
  "summary_fg_stdv": 3812.5859375,
  "tsnr": 105.09371948242188
}