{
  "aor": 0.002224189189189189,
  "aqi": 0.003626992072072072,
  "bids_meta": {
    "AcquisitionNumber": 7,
    "BidsifyVersion": "0.3.5",
    "ConversionSoftware": "dcm2niix",
    "ConversionSoftwareVersion": "v1.0.20181125  GCC6.3.0",
    "EchoTime": 0.02763,
    "EffectiveEchoSpacing": 0.0006909035636805814,
    "FlipAngle": 76.1,
    "ImageComments": "PIOP2",
    "ImageOrientationPatientDICOM": [
      0.998545,
      0.0391666,
      -0.0370533,
      -0.0467409,
      0.971397,
      -0.232816
    ],
    "Manufacturer": "Philips",
    "NumberOfVolumesDiscardedByScanner": 2,
    "ParallelAcquisitionTechnique": "SENSE",
    "ParallelReductionFactorInPlane": 2,
    "PatientPosition": "HFS",
    "PhaseEncodingDirection": "j",
    "PhilipsRescaleIntercept": 0,
    "PhilipsRescaleSlope": 0.78632,
    "PhilipsScaleSlope": 0.0571947,
    "ProtocolName": "WIPtask-stop_boldSENSE",
    "PulseSequenceType": "gradient echo EPI",
    "ReconMatrixPE": 80,
    "RepetitionTime": 2,
    "SeriesDescription": "ImageMRSERIES",
    "SeriesNumber": 7,
    "SliceEncodingDirection": "k",
    "SliceTiming": [
      0.0,
      0.0556,
      0.1111,
      0.1667,
      0.2222,
      0.2778,
      0.3333,
      0.3889,
      0.4444,
      0.5,
      0.5556,
      0.6111,
      0.6667,
      0.7222,
      0.7778,
      0.8333,
      0.8889,
      0.9444,
      1.0,
      1.0556,
      1.1111,
      1.1667,
      1.2222,
      1.2778,
      1.3333,
      1.3889,
      1.4444,
      1.5,
      1.5556,
      1.6111,
      1.6667,
      1.7222,
      1.7778,
      1.8333,
      1.8889,
      1.9444
    ],
    "TaskName": "stopsignal",
    "TotalReadoutTime": 0.026945238983542674,
    "UsePhilipsFloatNotDisplayScaling": 1,
    "WaterFatShift": 12,
    "acq_id": "seq",
    "dataset": "ds002790",
    "modality": "bold",
    "subject_id": "0094",
    "task_id": "stopsignal"
  },
  "dummy_trs": 0,
  "dvars_nstd": 16.474485768506778,
  "dvars_std": 1.2530705469683256,
  "dvars_vstd": 1.030436204570135,
  "efc": 0.37987981655249903,
  "fber": 294262.875,
  "fd_mean": 0.08031716830546946,
  "fd_num": 3,
  "fd_perc": 1.3513513513513513,
  "fwhm_avg": 1.9157830388514643,
  "fwhm_x": 1.95246,
  "fwhm_y": 2.02008,
  "fwhm_z": 1.774809116554392,
  "gcor": 0.0383035,
  "gsr_x": -0.017467649653553963,
  "gsr_y": 0.007542605511844158,
  "provenance": {
    "md5sum": "7d57602e3ee8d48045630a7fa960e0a0",
    "settings": {
      "fd_thres": 0.2,
      "testing": false
    },
    "software": "mriqc",
    "version": "22.0.0rc1",
    "webapi_port": null,
    "webapi_url": "https://mriqc.nimh.nih.gov/api/v1"
  },
  "size_t": 222,
  "size_x": 80,
  "size_y": 80,
  "size_z": 36,
  "snr": 6.551769905073336,
  "spacing_tr": 2.0,
  "spacing_x": 3.0,
  "spacing_y": 3.0,
  "spacing_z": 3.299999952316284,
  "summary_bg_k": 123.02186361389829,
  "summary_bg_mad": 47.252242669928606,
  "summary_bg_mean": 517.3522338867188,
  "summary_bg_median": 46.76630401611328,
  "summary_bg_n": 165134.0,
  "summary_bg_p05": 4.7986229181289675,
  "summary_bg_p95": 2520.3835937500003,
  "summary_bg_stdv": 1724.6474609375,
  "summary_fg_k": 2.258401404244724,
  "summary_fg_mad": 3735.911455500185,
  "summary_fg_mean": 26385.986328125,
  "summary_fg_median": 26114.05078125,
  "summary_fg_n": 26270.0,
  "summary_fg_p05": 20608.69765625,
  "summary_fg_p95": 32625.465234375,
  "summary_fg_stdv": 3985.72509765625,
  "tsnr": 106.40589141845703
}