{
  "aor": 0.001466708333333333,
  "aqi": 0.0046547799166666666,
  "bids_meta": {
    "AcquisitionNumber": 4,
    "BidsifyVersion": "0.3.5",
    "ConversionSoftware": "dcm2niix",
    "ConversionSoftwareVersion": "v1.0.20181125  GCC6.3.0",
    "EchoTime": 0.02763,
    "FlipAngle": 76.1,
    "ImageComments": "PIOP2",
    "ImageOrientationPatientDICOM": [
      0.996271,
      0.0635535,
      -0.0583544,
      -0.064426,
      0.997835,
      -0.0131906
    ],
    "Manufacturer": "Philips",
    "NumberOfVolumesDiscardedByScanner": 2,
    "ParallelAcquisitionTechnique": "SENSE",
    "ParallelReductionFactorInPlane": 2,
    "PatientPosition": "HFS",
    "PhaseEncodingDirection": "j",
    "PhilipsRescaleIntercept": 0,
    "PhilipsRescaleSlope": 0.77411,
    "PhilipsScaleSlope": 0.0445255,
    "ProtocolName": "WIPtask-rest_boldSENSE",
    "PulseSequenceType": "gradient echo EPI",
    "ReconMatrixPE": 80,
    "RepetitionTime": 2,
    "SeriesDescription": "ImageMRSERIES",
    "SeriesNumber": 4,
    "SliceEncodingDirection": "k",
    "TaskName": "restingstate",
    "UsePhilipsFloatNotDisplayScaling": 1,
    "WaterFatShift": 12,
    "acq_id": "seq",
    "dataset": "ds002790",
    "modality": "bold",
    "subject_id": "0212",
    "task_id": "restingstate"
  },
  "dummy_trs": 0,
  "dvars_nstd": 14.945858349079494,
  "dvars_std": 1.0685782051464434,
  "dvars_vstd": 0.9606670723012554,
  "efc": 0.44961107585997084,
  "fber": 206573.21875,
  "fd_mean": 0.10769943448164761,
  "fd_num": 4,
  "fd_perc": 1.6666666666666667,
  "fwhm_avg": 2.0199463724111744,
  "fwhm_x": 1.97876,
  "fwhm_y": 2.25927,
  "fwhm_z": 1.8218091172335236,
  "gcor": 0.0173847,
  "gsr_x": -0.013992668129503727,
  "gsr_y": 0.017462512478232384,
  "provenance": {
    "md5sum": "6df2bb6f5f6fdedc6bf16e2cf198ae83",
    "settings": {
      "fd_thres": 0.2,
      "testing": false
    },
    "software": "mriqc",
    "version": "23.0.1",
    "webapi_port": null,
    "webapi_url": "https://mriqc.nimh.nih.gov/api/v1"
  },
  "size_t": 240,
  "size_x": 80,
  "size_y": 80,
  "size_z": 36,
  "snr": 5.180649428921024,
  "spacing_tr": 2.0,
  "spacing_x": 3.0,
  "spacing_y": 3.0,
  "spacing_z": 3.299999952316284,
  "summary_bg_k": 53.678828394600856,
  "summary_bg_mad": 62.94611530835916,
  "summary_bg_mean": 816.1787109375,
  "summary_bg_median": 60.43703079223633,
  "summary_bg_n": 151296.0,
  "summary_bg_p05": 6.194784760475159,
  "summary_bg_p95": 4740.3760986328125,
  "summary_bg_stdv": 2312.1220703125,
  "summary_fg_k": 2.3759587287250357,
  "summary_fg_mad": 4867.459819601529,
  "summary_fg_mean": 28821.751953125,
  "summary_fg_median": 28161.3515625,
  "summary_fg_n": 37972.0,
  "summary_fg_p05": 21426.23740234375,
  "summary_fg_p95": 37941.346289062494,
  "summary_fg_stdv": 5435.80126953125,
  "tsnr": 86.62244415283203
}