{
  "aor": 0.001479925925925926,
  "aqi": 0.008260473481481482,
  "bids_meta": {
    "AcquisitionNumber": 8,
    "BidsifyVersion": "0.3.5",
    "ConversionSoftware": "dcm2niix",
    "ConversionSoftwareVersion": "v1.0.20181125  GCC6.3.0",
    "EchoTime": 0.02763,
    "EffectiveEchoSpacing": 0.0006909035636805814,
    "FlipAngle": 76.1,
    "ImageComments": "PIOP2",
    "ImageOrientationPatientDICOM": [
      0.999674,
      0.0224482,
      -0.0122034,
      -0.023384,
      0.996284,
      -0.0828934
    ],
    "Manufacturer": "Philips",
    "NumberOfVolumesDiscardedByScanner": 2,
    "ParallelAcquisitionTechnique": "SENSE",
    "ParallelReductionFactorInPlane": 2,
    "PatientPosition": "HFS",
    "PhaseEncodingDirection": "j",
    "PhilipsRescaleIntercept": 0,
    "PhilipsRescaleSlope": 0.79878,
    "PhilipsScaleSlope": 0.0597815,
    "ProtocolName": "WIPtask-harriri_boldSENSE",
    "PulseSequenceType": "gradient echo EPI",
    "ReconMatrixPE": 80,
    "RepetitionTime": 2,
    "SeriesDescription": "ImageMRSERIES",
    "SeriesNumber": 8,
    "SliceEncodingDirection": "k",
    "SliceTiming": [
      0.0,
      0.0556,
      0.1111,
      0.1667,
      0.2222,
      0.2778,
      0.3333,
      0.3889,
      0.4444,
      0.5,
      0.5556,
      0.6111,
      0.6667,
      0.7222,
      0.7778,
      0.8333,
      0.8889,
      0.9444,
      1.0,
      1.0556,
      1.1111,
      1.1667,
      1.2222,
      1.2778,
      1.3333,
      1.3889,
      1.4444,
      1.5,
      1.5556,
      1.6111,
      1.6667,
      1.7222,
      1.7778,
      1.8333,
      1.8889,
      1.9444
    ],
    "TaskName": "emomatching",
    "TotalReadoutTime": 0.026945238983542674,
    "UsePhilipsFloatNotDisplayScaling": 1,
    "WaterFatShift": 12,
    "acq_id": "seq",
    "dataset": "ds002790",
    "modality": "bold",
    "subject_id": "0033",
    "task_id": "emomatching"
  },
  "dummy_trs": 0,
  "dvars_nstd": 19.641030730820905,
  "dvars_std": 1.1880363258208952,
  "dvars_vstd": 0.9423589526119402,
  "efc": 0.4170482257070824,
  "fber": 206561.90625,
  "fd_mean": 0.14664878472291434,
  "fd_num": 23,
  "fd_perc": 17.037037037037038,
  "fwhm_avg": 1.995046877618465,
  "fwhm_x": 1.9330333333333334,
  "fwhm_y": 2.1977466666666667,
  "fwhm_z": 1.8543606328553957,
  "gcor": 0.0387637,
  "gsr_x": -0.02475147135555744,
  "gsr_y": 0.013675197027623653,
  "provenance": {
    "md5sum": "0ccc7acb19a91e552b1e77194d96aa83",
    "settings": {
      "fd_thres": 0.2,
      "testing": false
    },
    "software": "mriqc",
    "version": "22.0.0rc1",
    "webapi_port": null,
    "webapi_url": "https://mriqc.nimh.nih.gov/api/v1"
  },
  "size_t": 135,
  "size_x": 80,
  "size_y": 80,
  "size_z": 36,
  "snr": 6.2447946401738585,
  "spacing_tr": 2.0,
  "spacing_x": 3.0,
  "spacing_y": 3.0,
  "spacing_z": 3.299999952316284,
  "summary_bg_k": 39.89871443520562,
  "summary_bg_mad": 55.05266704157937,
  "summary_bg_mean": 532.42431640625,
  "summary_bg_median": 54.27878952026367,
  "summary_bg_n": 157699.0,
  "summary_bg_p05": 5.568347072601319,
  "summary_bg_p95": 2840.011401367188,
  "summary_bg_stdv": 1464.7353515625,
  "summary_fg_k": 3.721095146489402,
  "summary_fg_mad": 3811.712389628742,
  "summary_fg_mean": 25416.890625,
  "summary_fg_median": 25114.681640625,
  "summary_fg_n": 32643.0,
  "summary_fg_p05": 19792.673828125,
  "summary_fg_p95": 31857.47578125,
  "summary_fg_stdv": 4021.636962890625,
  "tsnr": 72.46025848388672
}