{
  "aor": 0.0016696396396396395,
  "aqi": 0.004090496891891892,
  "bids_meta": {
    "AcquisitionNumber": 7,
    "BidsifyVersion": "0.3.5",
    "ConversionSoftware": "dcm2niix",
    "ConversionSoftwareVersion": "v1.0.20181125  GCC6.3.0",
    "EchoTime": 0.02763,
    "EffectiveEchoSpacing": 0.0006909035636805814,
    "FlipAngle": 76.1,
    "ImageComments": "PIOP2",
    "ImageOrientationPatientDICOM": [
      0.999674,
      0.0224482,
      -0.0122034,
      -0.023384,
      0.996284,
      -0.0828934
    ],
    "Manufacturer": "Philips",
    "NumberOfVolumesDiscardedByScanner": 2,
    "ParallelAcquisitionTechnique": "SENSE",
    "ParallelReductionFactorInPlane": 2,
    "PatientPosition": "HFS",
    "PhaseEncodingDirection": "j",
    "PhilipsRescaleIntercept": 0,
    "PhilipsRescaleSlope": 0.83175,
    "PhilipsScaleSlope": 0.0585773,
    "ProtocolName": "WIPtask-stop_boldSENSE",
    "PulseSequenceType": "gradient echo EPI",
    "ReconMatrixPE": 80,
    "RepetitionTime": 2,
    "SeriesDescription": "ImageMRSERIES",
    "SeriesNumber": 7,
    "SliceEncodingDirection": "k",
    "SliceTiming": [
      0.0,
      0.0556,
      0.1111,
      0.1667,
      0.2222,
      0.2778,
      0.3333,
      0.3889,
      0.4444,
      0.5,
      0.5556,
      0.6111,
      0.6667,
      0.7222,
      0.7778,
      0.8333,
      0.8889,
      0.9444,
      1.0,
      1.0556,
      1.1111,
      1.1667,
      1.2222,
      1.2778,
      1.3333,
      1.3889,
      1.4444,
      1.5,
      1.5556,
      1.6111,
      1.6667,
      1.7222,
      1.7778,
      1.8333,
      1.8889,
      1.9444
    ],
    "TaskName": "stopsignal",
    "TotalReadoutTime": 0.026945238983542674,
    "UsePhilipsFloatNotDisplayScaling": 1,
    "WaterFatShift": 12,
    "acq_id": "seq",
    "dataset": "ds002790",
    "modality": "bold",
    "subject_id": "0033",
    "task_id": "stopsignal"
  },
  "dummy_trs": 0,
  "dvars_nstd": 16.81799517475113,
  "dvars_std": 1.2424514643438913,
  "dvars_vstd": 1.00080264841629,
  "efc": 0.41607678501573336,
  "fber": 212040.34375,
  "fd_mean": 0.09679864143322228,
  "fd_num": 6,
  "fd_perc": 2.7027027027027026,
  "fwhm_avg": 1.9679676855774586,
  "fwhm_x": 1.9064266666666667,
  "fwhm_y": 2.1684066666666664,
  "fwhm_z": 1.8290697233990425,
  "gcor": 0.0334271,
  "gsr_x": -0.024235626682639122,
  "gsr_y": 0.013737407512962818,
  "provenance": {
    "md5sum": "ab3ce8b739c14094b49b3f7fc9aad677",
    "settings": {
      "fd_thres": 0.2,
      "testing": false
    },
    "software": "mriqc",
    "version": "22.0.0rc1",
    "webapi_port": null,
    "webapi_url": "https://mriqc.nimh.nih.gov/api/v1"
  },
  "size_t": 222,
  "size_x": 80,
  "size_y": 80,
  "size_z": 36,
  "snr": 6.391728486215449,
  "spacing_tr": 2.0,
  "spacing_x": 3.0,
  "spacing_y": 3.0,
  "spacing_z": 3.299999952316284,
  "summary_bg_k": 40.445170456389455,
  "summary_bg_mad": 54.07571359873372,
  "summary_bg_mean": 537.161865234375,
  "summary_bg_median": 54.201446533203125,
  "summary_bg_n": 157874.0,
  "summary_bg_p05": 5.308076024055482,
  "summary_bg_p95": 2842.847082519534,
  "summary_bg_stdv": 1488.0665283203125,
  "summary_fg_k": 3.490448293636332,
  "summary_fg_mad": 3810.9406835911805,
  "summary_fg_mean": 25707.00390625,
  "summary_fg_median": 25428.400390625,
  "summary_fg_n": 32512.0,
  "summary_fg_p05": 20090.38681640625,
  "summary_fg_p95": 32029.524609374996,
  "summary_fg_stdv": 3978.26806640625,
  "tsnr": 100.8646240234375
}