{
  "aor": 0.001499208333333333,
  "aqi": 0.004693577875000001,
  "bids_meta": {
    "AcquisitionNumber": 4,
    "BidsifyVersion": "0.3.5",
    "ConversionSoftware": "dcm2niix",
    "ConversionSoftwareVersion": "v1.0.20181125  GCC6.3.0",
    "EchoTime": 0.02763,
    "EffectiveEchoSpacing": 0.0006909035636805814,
    "FlipAngle": 76.1,
    "ImageComments": "PIOP2",
    "ImageOrientationPatientDICOM": [
      0.999674,
      0.0224482,
      -0.0122034,
      -0.023384,
      0.996284,
      -0.0828934
    ],
    "Manufacturer": "Philips",
    "NumberOfVolumesDiscardedByScanner": 2,
    "ParallelAcquisitionTechnique": "SENSE",
    "ParallelReductionFactorInPlane": 2,
    "PatientPosition": "HFS",
    "PhaseEncodingDirection": "j",
    "PhilipsRescaleIntercept": 0,
    "PhilipsRescaleSlope": 0.84371,
    "PhilipsScaleSlope": 0.0596813,
    "ProtocolName": "WIPtask-rest_boldSENSE",
    "PulseSequenceType": "gradient echo EPI",
    "ReconMatrixPE": 80,
    "RepetitionTime": 2,
    "SeriesDescription": "ImageMRSERIES",
    "SeriesNumber": 4,
    "SliceEncodingDirection": "k",
    "SliceTiming": [
      0.0,
      0.0556,
      0.1111,
      0.1667,
      0.2222,
      0.2778,
      0.3333,
      0.3889,
      0.4444,
      0.5,
      0.5556,
      0.6111,
      0.6667,
      0.7222,
      0.7778,
      0.8333,
      0.8889,
      0.9444,
      1.0,
      1.0556,
      1.1111,
      1.1667,
      1.2222,
      1.2778,
      1.3333,
      1.3889,
      1.4444,
      1.5,
      1.5556,
      1.6111,
      1.6667,
      1.7222,
      1.7778,
      1.8333,
      1.8889,
      1.9444
    ],
    "TaskName": "restingstate",
    "TotalReadoutTime": 0.026945238983542674,
    "UsePhilipsFloatNotDisplayScaling": 1,
    "WaterFatShift": 12,
    "acq_id": "seq",
    "dataset": "ds002790",
    "modality": "bold",
    "subject_id": "0033",
    "task_id": "restingstate"
  },
  "dummy_trs": 0,
  "dvars_nstd": 17.793243731129703,
  "dvars_std": 1.2539917993723857,
  "dvars_vstd": 0.9951292207531384,
  "efc": 0.4144693746498841,
  "fber": 210431.578125,
  "fd_mean": 0.1191572602710416,
  "fd_num": 10,
  "fd_perc": 4.166666666666667,
  "fwhm_avg": 1.94814031166053,
  "fwhm_x": 1.8972433333333332,
  "fwhm_y": 2.155386666666667,
  "fwhm_z": 1.7917909349815908,
  "gcor": 0.0262782,
  "gsr_x": -0.023688439279794693,
  "gsr_y": 0.014554463326931,
  "provenance": {
    "md5sum": "31f933edd1026797d9bb15bdbac8841c",
    "settings": {
      "fd_thres": 0.2,
      "testing": false
    },
    "software": "mriqc",
    "version": "22.0.0rc1",
    "webapi_port": null,
    "webapi_url": "https://mriqc.nimh.nih.gov/api/v1"
  },
  "size_t": 240,
  "size_x": 80,
  "size_y": 80,
  "size_z": 36,
  "snr": 6.449812525303386,
  "spacing_tr": 2.0,
  "spacing_x": 3.0,
  "spacing_y": 3.0,
  "spacing_z": 3.299999952316284,
  "summary_bg_k": 40.932866337346745,
  "summary_bg_mad": 54.10871306961394,
  "summary_bg_mean": 521.1400756835938,
  "summary_bg_median": 54.009765625,
  "summary_bg_n": 158028.0,
  "summary_bg_p05": 5.5336521625518795,
  "summary_bg_p95": 2783.942919921875,
  "summary_bg_stdv": 1446.322265625,
  "summary_fg_k": 3.666331146382481,
  "summary_fg_mad": 3746.6168859724808,
  "summary_fg_mean": 25519.54296875,
  "summary_fg_median": 25243.916015625,
  "summary_fg_n": 32311.0,
  "summary_fg_p05": 20033.1259765625,
  "summary_fg_p95": 31745.0078125,
  "summary_fg_stdv": 3913.838623046875,
  "tsnr": 93.67021942138672
}