{
  "aor": 0.002247625,
  "aqi": 0.0036731570625,
  "bids_meta": {
    "AcquisitionNumber": 3,
    "BidsifyVersion": "0.3.5",
    "ConversionSoftware": "dcm2niix",
    "ConversionSoftwareVersion": "v1.0.20181125  GCC6.3.0",
    "EchoTime": 0.02763,
    "EffectiveEchoSpacing": 0.0006909035636805814,
    "FlipAngle": 76.1,
    "ImageComments": "PIOP2",
    "ImageOrientationPatientDICOM": [
      0.999674,
      0.0224482,
      -0.0122034,
      -0.023384,
      0.996284,
      -0.0828934
    ],
    "Manufacturer": "Philips",
    "NumberOfVolumesDiscardedByScanner": 2,
    "ParallelAcquisitionTechnique": "SENSE",
    "ParallelReductionFactorInPlane": 2,
    "PatientPosition": "HFS",
    "PhaseEncodingDirection": "j",
    "PhilipsRescaleIntercept": 0,
    "PhilipsRescaleSlope": 0.83175,
    "PhilipsScaleSlope": 0.0608063,
    "ProtocolName": "WIPtask-wm_boldSENSE",
    "PulseSequenceType": "gradient echo EPI",
    "ReconMatrixPE": 80,
    "RepetitionTime": 2,
    "SeriesDescription": "ImageMRSERIES",
    "SeriesNumber": 3,
    "SliceEncodingDirection": "k",
    "SliceTiming": [
      0.0,
      0.0556,
      0.1111,
      0.1667,
      0.2222,
      0.2778,
      0.3333,
      0.3889,
      0.4444,
      0.5,
      0.5556,
      0.6111,
      0.6667,
      0.7222,
      0.7778,
      0.8333,
      0.8889,
      0.9444,
      1.0,
      1.0556,
      1.1111,
      1.1667,
      1.2222,
      1.2778,
      1.3333,
      1.3889,
      1.4444,
      1.5,
      1.5556,
      1.6111,
      1.6667,
      1.7222,
      1.7778,
      1.8333,
      1.8889,
      1.9444
    ],
    "TaskName": "workingmemory",
    "TotalReadoutTime": 0.026945238983542674,
    "UsePhilipsFloatNotDisplayScaling": 1,
    "WaterFatShift": 12,
    "acq_id": "seq",
    "dataset": "ds002790",
    "modality": "bold",
    "subject_id": "0033",
    "task_id": "workingmemory"
  },
  "dummy_trs": 0,
  "dvars_nstd": 19.085849545974842,
  "dvars_std": 1.3183150513207553,
  "dvars_vstd": 1.0113092999371067,
  "efc": 0.4137279112040001,
  "fber": 213485.609375,
  "fd_mean": 0.11144989280720334,
  "fd_num": 9,
  "fd_perc": 5.625,
  "fwhm_avg": 1.964460412790067,
  "fwhm_x": 1.9046666666666667,
  "fwhm_y": 2.1721266666666668,
  "fwhm_z": 1.8165879050368672,
  "gcor": 0.0411151,
  "gsr_x": -0.023570889607071877,
  "gsr_y": 0.01379387266933918,
  "provenance": {
    "md5sum": "1da0ce99d6cd1b2013a410447c38e6fe",
    "settings": {
      "fd_thres": 0.2,
      "testing": false
    },
    "software": "mriqc",
    "version": "22.0.0rc1",
    "webapi_port": null,
    "webapi_url": "https://mriqc.nimh.nih.gov/api/v1"
  },
  "size_t": 160,
  "size_x": 80,
  "size_y": 80,
  "size_z": 36,
  "snr": 6.406681512967122,
  "spacing_tr": 2.0,
  "spacing_x": 3.0,
  "spacing_y": 3.0,
  "spacing_z": 3.299999952316284,
  "summary_bg_k": 41.50331864769974,
  "summary_bg_mad": 53.354993504011645,
  "summary_bg_mean": 518.9554443359375,
  "summary_bg_median": 54.0089111328125,
  "summary_bg_n": 158035.0,
  "summary_bg_p05": 5.733171463012695,
  "summary_bg_p95": 2730.788354492185,
  "summary_bg_stdv": 1454.569580078125,
  "summary_fg_k": 3.4412595620384225,
  "summary_fg_mad": 3829.60496601184,
  "summary_fg_mean": 25762.634765625,
  "summary_fg_median": 25494.05078125,
  "summary_fg_n": 32291.0,
  "summary_fg_p05": 20156.267578125,
  "summary_fg_p95": 32071.60546875,
  "summary_fg_stdv": 3979.2294921875,
  "tsnr": 105.47578430175781
}