{
  "aor": 0.0013013333333333336,
  "aqi": 0.003415915291666667,
  "bids_meta": {
    "AcquisitionNumber": 4,
    "BidsifyVersion": "0.3.5",
    "ConversionSoftware": "dcm2niix",
    "ConversionSoftwareVersion": "v1.0.20181125  GCC6.3.0",
    "EchoTime": 0.02763,
    "EffectiveEchoSpacing": 0.0006909035636805814,
    "FlipAngle": 76.1,
    "ImageComments": "PIOP2",
    "ImageOrientationPatientDICOM": [
      0.999972,
      -0.000385736,
      0.00751319,
      -0.000523584,
      0.992695,
      0.120653
    ],
    "Manufacturer": "Philips",
    "NumberOfVolumesDiscardedByScanner": 2,
    "ParallelAcquisitionTechnique": "SENSE",
    "ParallelReductionFactorInPlane": 2,
    "PatientPosition": "HFS",
    "PhaseEncodingDirection": "j",
    "PhilipsRescaleIntercept": 0,
    "PhilipsRescaleSlope": 0.83443,
    "PhilipsScaleSlope": 0.0559471,
    "ProtocolName": "WIPtask-rest_boldSENSE",
    "PulseSequenceType": "gradient echo EPI",
    "ReconMatrixPE": 80,
    "RepetitionTime": 2,
    "SeriesDescription": "ImageMRSERIES",
    "SeriesNumber": 4,
    "SliceEncodingDirection": "k",
    "SliceTiming": [
      0.0,
      0.0556,
      0.1111,
      0.1667,
      0.2222,
      0.2778,
      0.3333,
      0.3889,
      0.4444,
      0.5,
      0.5556,
      0.6111,
      0.6667,
      0.7222,
      0.7778,
      0.8333,
      0.8889,
      0.9444,
      1.0,
      1.0556,
      1.1111,
      1.1667,
      1.2222,
      1.2778,
      1.3333,
      1.3889,
      1.4444,
      1.5,
      1.5556,
      1.6111,
      1.6667,
      1.7222,
      1.7778,
      1.8333,
      1.8889,
      1.9444
    ],
    "TaskName": "restingstate",
    "TotalReadoutTime": 0.026945238983542674,
    "UsePhilipsFloatNotDisplayScaling": 1,
    "WaterFatShift": 12,
    "acq_id": "seq",
    "dataset": "ds002790",
    "modality": "bold",
    "subject_id": "0069",
    "task_id": "restingstate"
  },
  "dummy_trs": 0,
  "dvars_nstd": 15.840307104016729,
  "dvars_std": 1.2076655515062766,
  "dvars_vstd": 0.9863945570711297,
  "efc": 0.4301110815421851,
  "fber": 242402.171875,
  "fd_mean": 0.08539808060322301,
  "fd_num": 2,
  "fd_perc": 0.8333333333333334,
  "fwhm_avg": 2.102855766970384,
  "fwhm_x": 2.065043333333333,
  "fwhm_y": 2.29303,
  "fwhm_z": 1.9504939675778181,
  "gcor": 0.0386175,
  "gsr_x": -0.009014174342155457,
  "gsr_y": 0.009494468569755554,
  "provenance": {
    "md5sum": "e0852db3fa83c4ee30bfa70d5ccd28d7",
    "settings": {
      "fd_thres": 0.2,
      "testing": false
    },
    "software": "mriqc",
    "version": "22.0.0rc1",
    "webapi_port": null,
    "webapi_url": "https://mriqc.nimh.nih.gov/api/v1"
  },
  "size_t": 240,
  "size_x": 80,
  "size_y": 80,
  "size_z": 36,
  "snr": 6.291113012103528,
  "spacing_tr": 2.0,
  "spacing_x": 3.0,
  "spacing_y": 3.0,
  "spacing_z": 3.299999952316284,
  "summary_bg_k": 59.79427541824242,
  "summary_bg_mad": 53.83030380558629,
  "summary_bg_mean": 450.049072265625,
  "summary_bg_median": 48.170166015625,
  "summary_bg_n": 153162.0,
  "summary_bg_p05": 3.862385165691376,
  "summary_bg_p95": 2035.2516906738228,
  "summary_bg_stdv": 1300.89794921875,
  "summary_fg_k": 1.9305012119365248,
  "summary_fg_mad": 3557.7298884859174,
  "summary_fg_mean": 24654.83984375,
  "summary_fg_median": 24364.47265625,
  "summary_fg_n": 36104.0,
  "summary_fg_p05": 19018.46435546875,
  "summary_fg_p95": 31240.985156249997,
  "summary_fg_stdv": 3872.7861328125,
  "tsnr": 104.03883361816406
}