{
  "aor": 0.0022462499999999995,
  "aqi": 0.0036892729583333336,
  "bids_meta": {
    "AcquisitionNumber": 4,
    "BidsifyVersion": "0.3.5",
    "ConversionSoftware": "dcm2niix",
    "ConversionSoftwareVersion": "v1.0.20181125  GCC6.3.0",
    "EchoTime": 0.02763,
    "EffectiveEchoSpacing": 0.0006909035636805814,
    "FlipAngle": 76.1,
    "ImageComments": "PIOP2",
    "ImageOrientationPatientDICOM": [
      0.997972,
      -0.0471274,
      0.0427992,
      0.0523015,
      0.990244,
      -0.129155
    ],
    "Manufacturer": "Philips",
    "NumberOfVolumesDiscardedByScanner": 2,
    "ParallelAcquisitionTechnique": "SENSE",
    "ParallelReductionFactorInPlane": 2,
    "PatientPosition": "HFS",
    "PhaseEncodingDirection": "j",
    "PhilipsRescaleIntercept": 0,
    "PhilipsRescaleSlope": 0.74725,
    "PhilipsScaleSlope": 0.0625112,
    "ProtocolName": "WIPtask-rest_boldSENSE",
    "PulseSequenceType": "gradient echo EPI",
    "ReconMatrixPE": 80,
    "RepetitionTime": 2,
    "SeriesDescription": "ImageMRSERIES",
    "SeriesNumber": 4,
    "SliceEncodingDirection": "k",
    "SliceTiming": [
      0.0,
      0.0556,
      0.1111,
      0.1667,
      0.2222,
      0.2778,
      0.3333,
      0.3889,
      0.4444,
      0.5,
      0.5556,
      0.6111,
      0.6667,
      0.7222,
      0.7778,
      0.8333,
      0.8889,
      0.9444,
      1.0,
      1.0556,
      1.1111,
      1.1667,
      1.2222,
      1.2778,
      1.3333,
      1.3889,
      1.4444,
      1.5,
      1.5556,
      1.6111,
      1.6667,
      1.7222,
      1.7778,
      1.8333,
      1.8889,
      1.9444
    ],
    "TaskName": "restingstate",
    "TotalReadoutTime": 0.026945238983542674,
    "UsePhilipsFloatNotDisplayScaling": 1,
    "WaterFatShift": 12,
    "acq_id": "seq",
    "dataset": "ds002790",
    "modality": "bold",
    "subject_id": "0104",
    "task_id": "restingstate"
  },
  "dummy_trs": 0,
  "dvars_nstd": 17.159337346987442,
  "dvars_std": 1.157884245983263,
  "dvars_vstd": 0.9774071823430964,
  "efc": 0.38978976385363456,
  "fber": 258871.71875,
  "fd_mean": 0.1352937953254705,
  "fd_num": 24,
  "fd_perc": 10.0,
  "fwhm_avg": 1.9638451603654363,
  "fwhm_x": 1.91219,
  "fwhm_y": 2.1418666666666666,
  "fwhm_z": 1.8374788144296417,
  "gcor": 0.0233697,
  "gsr_x": -0.02329147793352604,
  "gsr_y": 0.009004347957670689,
  "provenance": {
    "md5sum": "373b13306fd657659d542ed8e709c786",
    "settings": {
      "fd_thres": 0.2,
      "testing": false
    },
    "software": "mriqc",
    "version": "22.0.0rc1",
    "webapi_port": null,
    "webapi_url": "https://mriqc.nimh.nih.gov/api/v1"
  },
  "size_t": 240,
  "size_x": 80,
  "size_y": 80,
  "size_z": 36,
  "snr": 5.071324425915069,
  "spacing_tr": 2.0,
  "spacing_x": 3.0,
  "spacing_y": 3.0,
  "spacing_z": 3.299999952316284,
  "summary_bg_k": 92.30938381514213,
  "summary_bg_mad": 45.67476644242248,
  "summary_bg_mean": 420.2337951660156,
  "summary_bg_median": 46.007598876953125,
  "summary_bg_n": 161910.0,
  "summary_bg_p05": 3.6740550518035895,
  "summary_bg_p95": 1987.5377014160122,
  "summary_bg_stdv": 1399.875732421875,
  "summary_fg_k": 1.429290844433333,
  "summary_fg_mad": 4242.11441979763,
  "summary_fg_mean": 24535.955078125,
  "summary_fg_median": 23749.34765625,
  "summary_fg_n": 30078.0,
  "summary_fg_p05": 18551.028125,
  "summary_fg_p95": 33471.359765625,
  "summary_fg_stdv": 4682.98828125,
  "tsnr": 91.09321594238281
}