{
  "aor": 0.0026024444444444446,
  "aqi": 0.0036922880740740743,
  "bids_meta": {
    "AcquisitionNumber": 8,
    "BidsifyVersion": "0.3.5",
    "ConversionSoftware": "dcm2niix",
    "ConversionSoftwareVersion": "v1.0.20181125  GCC6.3.0",
    "EchoTime": 0.02763,
    "EffectiveEchoSpacing": 0.0006909035636805814,
    "FlipAngle": 76.1,
    "ImageComments": "PIOP2",
    "ImageOrientationPatientDICOM": [
      0.997972,
      -0.0471274,
      0.0427992,
      0.0523015,
      0.990244,
      -0.129155
    ],
    "Manufacturer": "Philips",
    "NumberOfVolumesDiscardedByScanner": 2,
    "ParallelAcquisitionTechnique": "SENSE",
    "ParallelReductionFactorInPlane": 2,
    "PatientPosition": "HFS",
    "PhaseEncodingDirection": "j",
    "PhilipsRescaleIntercept": 0,
    "PhilipsRescaleSlope": 0.77973,
    "PhilipsScaleSlope": 0.0610121,
    "ProtocolName": "WIPtask-harriri_boldSENSE",
    "PulseSequenceType": "gradient echo EPI",
    "ReconMatrixPE": 80,
    "RepetitionTime": 2,
    "SeriesDescription": "ImageMRSERIES",
    "SeriesNumber": 8,
    "SliceEncodingDirection": "k",
    "SliceTiming": [
      0.0,
      0.0556,
      0.1111,
      0.1667,
      0.2222,
      0.2778,
      0.3333,
      0.3889,
      0.4444,
      0.5,
      0.5556,
      0.6111,
      0.6667,
      0.7222,
      0.7778,
      0.8333,
      0.8889,
      0.9444,
      1.0,
      1.0556,
      1.1111,
      1.1667,
      1.2222,
      1.2778,
      1.3333,
      1.3889,
      1.4444,
      1.5,
      1.5556,
      1.6111,
      1.6667,
      1.7222,
      1.7778,
      1.8333,
      1.8889,
      1.9444
    ],
    "TaskName": "emomatching",
    "TotalReadoutTime": 0.026945238983542674,
    "UsePhilipsFloatNotDisplayScaling": 1,
    "WaterFatShift": 12,
    "acq_id": "seq",
    "dataset": "ds002790",
    "modality": "bold",
    "subject_id": "0104",
    "task_id": "emomatching"
  },
  "dummy_trs": 0,
  "dvars_nstd": 16.120589718955223,
  "dvars_std": 1.123278888955224,
  "dvars_vstd": 0.9937259499999999,
  "efc": 0.3891079882151442,
  "fber": 257400.71875,
  "fd_mean": 0.1488027719610309,
  "fd_num": 18,
  "fd_perc": 13.333333333333334,
  "fwhm_avg": 1.9763027361575596,
  "fwhm_x": 1.92511,
  "fwhm_y": 2.1591466666666665,
  "fwhm_z": 1.844651541806012,
  "gcor": 0.0149921,
  "gsr_x": -0.022736631333827972,
  "gsr_y": 0.009425532072782516,
  "provenance": {
    "md5sum": "74e40a955e3491cc24763e88e536fc16",
    "settings": {
      "fd_thres": 0.2,
      "testing": false
    },
    "software": "mriqc",
    "version": "22.0.0rc1",
    "webapi_port": null,
    "webapi_url": "https://mriqc.nimh.nih.gov/api/v1"
  },
  "size_t": 135,
  "size_x": 80,
  "size_y": 80,
  "size_z": 36,
  "snr": 5.043986437109288,
  "spacing_tr": 2.0,
  "spacing_x": 3.0,
  "spacing_y": 3.0,
  "spacing_z": 3.299999952316284,
  "summary_bg_k": 84.92462976886272,
  "summary_bg_mad": 45.672544467681135,
  "summary_bg_mean": 420.68109130859375,
  "summary_bg_median": 45.88469314575195,
  "summary_bg_n": 161995.0,
  "summary_bg_p05": 3.5904829263687135,
  "summary_bg_p95": 2011.2227050781203,
  "summary_bg_stdv": 1387.34619140625,
  "summary_fg_k": 1.3578753385567284,
  "summary_fg_mad": 4214.114376532318,
  "summary_fg_mean": 24472.568359375,
  "summary_fg_median": 23677.482421875,
  "summary_fg_n": 30020.0,
  "summary_fg_p05": 18432.6087890625,
  "summary_fg_p95": 33584.632031249996,
  "summary_fg_stdv": 4694.1220703125,
  "tsnr": 95.22030639648438
}