{
  "aor": 0.0024911111111111115,
  "aqi": 0.0021517188888888882,
  "bids_meta": {
    "AcquisitionNumber": 8,
    "BidsifyVersion": "0.3.5",
    "ConversionSoftware": "dcm2niix",
    "ConversionSoftwareVersion": "v1.0.20181125  GCC6.3.0",
    "EchoTime": 0.02763,
    "EffectiveEchoSpacing": 0.0006909035636805814,
    "FlipAngle": 76.1,
    "ImageComments": "PIOP2",
    "ImageOrientationPatientDICOM": [
      0.999849,
      0.00447933,
      0.0167699,
      -0.0045372,
      0.999984,
      0.00341459
    ],
    "Manufacturer": "Philips",
    "NumberOfVolumesDiscardedByScanner": 2,
    "ParallelAcquisitionTechnique": "SENSE",
    "ParallelReductionFactorInPlane": 2,
    "PatientPosition": "HFS",
    "PhaseEncodingDirection": "j",
    "PhilipsRescaleIntercept": 0,
    "PhilipsRescaleSlope": 0.78217,
    "PhilipsScaleSlope": 0.0569878,
    "ProtocolName": "WIPtask-harriri_boldSENSE",
    "PulseSequenceType": "gradient echo EPI",
    "ReconMatrixPE": 80,
    "RepetitionTime": 2,
    "SeriesDescription": "ImageMRSERIES",
    "SeriesNumber": 8,
    "SliceEncodingDirection": "k",
    "SliceTiming": [
      0.0,
      0.0556,
      0.1111,
      0.1667,
      0.2222,
      0.2778,
      0.3333,
      0.3889,
      0.4444,
      0.5,
      0.5556,
      0.6111,
      0.6667,
      0.7222,
      0.7778,
      0.8333,
      0.8889,
      0.9444,
      1.0,
      1.0556,
      1.1111,
      1.1667,
      1.2222,
      1.2778,
      1.3333,
      1.3889,
      1.4444,
      1.5,
      1.5556,
      1.6111,
      1.6667,
      1.7222,
      1.7778,
      1.8333,
      1.8889,
      1.9444
    ],
    "TaskName": "emomatching",
    "TotalReadoutTime": 0.026945238983542674,
    "UsePhilipsFloatNotDisplayScaling": 1,
    "WaterFatShift": 12,
    "acq_id": "seq",
    "dataset": "ds002790",
    "modality": "bold",
    "subject_id": "0179",
    "task_id": "emomatching"
  },
  "dummy_trs": 0,
  "dvars_nstd": 15.440135792164181,
  "dvars_std": 1.1387196733582086,
  "dvars_vstd": 1.0228329961194025,
  "efc": 0.40493040622617255,
  "fber": 225377.25,
  "fd_mean": 0.09102958507398891,
  "fd_num": 1,
  "fd_perc": 0.7407407407407407,
  "fwhm_avg": 1.9477803117091772,
  "fwhm_x": 1.94116,
  "fwhm_y": 2.1002899999999998,
  "fwhm_z": 1.801890935127532,
  "gcor": 0.0291482,
  "gsr_x": -0.01141847763210535,
  "gsr_y": 0.0068226647563278675,
  "provenance": {
    "md5sum": "06c8401b84d75e0d44084d50c6557308",
    "settings": {
      "fd_thres": 0.2,
      "testing": false
    },
    "software": "mriqc",
    "version": "22.0.0rc1",
    "webapi_port": null,
    "webapi_url": "https://mriqc.nimh.nih.gov/api/v1"
  },
  "size_t": 135,
  "size_x": 80,
  "size_y": 80,
  "size_z": 36,
  "snr": 5.1173783685043,
  "spacing_tr": 2.0,
  "spacing_x": 3.0,
  "spacing_y": 3.0,
  "spacing_z": 3.299999952316284,
  "summary_bg_k": 90.35339235036423,
  "summary_bg_mad": 52.0829896697325,
  "summary_bg_mean": 478.2203674316406,
  "summary_bg_median": 47.78398895263672,
  "summary_bg_n": 159426.0,
  "summary_bg_p05": 4.654224157333374,
  "summary_bg_p95": 2200.6189575195312,
  "summary_bg_stdv": 1469.324462890625,
  "summary_fg_k": 1.8829272840847402,
  "summary_fg_mad": 4190.521600018111,
  "summary_fg_mean": 23666.849609375,
  "summary_fg_median": 23033.056640625,
  "summary_fg_n": 31442.0,
  "summary_fg_p05": 17684.0349609375,
  "summary_fg_p95": 31293.71015625,
  "summary_fg_stdv": 4500.876953125,
  "tsnr": 109.4795150756836
}