{
  "aor": 0.0021476576576576574,
  "aqi": 0.002330666756756757,
  "bids_meta": {
    "AcquisitionNumber": 7,
    "BidsifyVersion": "0.3.5",
    "ConversionSoftware": "dcm2niix",
    "ConversionSoftwareVersion": "v1.0.20181125  GCC6.3.0",
    "EchoTime": 0.02763,
    "EffectiveEchoSpacing": 0.0006909035636805814,
    "FlipAngle": 76.1,
    "ImageComments": "PIOP2",
    "ImageOrientationPatientDICOM": [
      0.999849,
      0.00447933,
      0.0167699,
      -0.0045372,
      0.999984,
      0.00341459
    ],
    "Manufacturer": "Philips",
    "NumberOfVolumesDiscardedByScanner": 2,
    "ParallelAcquisitionTechnique": "SENSE",
    "ParallelReductionFactorInPlane": 2,
    "PatientPosition": "HFS",
    "PhaseEncodingDirection": "j",
    "PhilipsRescaleIntercept": 0,
    "PhilipsRescaleSlope": 0.78217,
    "PhilipsScaleSlope": 0.0573709,
    "ProtocolName": "WIPtask-stop_boldSENSE",
    "PulseSequenceType": "gradient echo EPI",
    "ReconMatrixPE": 80,
    "RepetitionTime": 2,
    "SeriesDescription": "ImageMRSERIES",
    "SeriesNumber": 7,
    "SliceEncodingDirection": "k",
    "SliceTiming": [
      0.0,
      0.0556,
      0.1111,
      0.1667,
      0.2222,
      0.2778,
      0.3333,
      0.3889,
      0.4444,
      0.5,
      0.5556,
      0.6111,
      0.6667,
      0.7222,
      0.7778,
      0.8333,
      0.8889,
      0.9444,
      1.0,
      1.0556,
      1.1111,
      1.1667,
      1.2222,
      1.2778,
      1.3333,
      1.3889,
      1.4444,
      1.5,
      1.5556,
      1.6111,
      1.6667,
      1.7222,
      1.7778,
      1.8333,
      1.8889,
      1.9444
    ],
    "TaskName": "stopsignal",
    "TotalReadoutTime": 0.026945238983542674,
    "UsePhilipsFloatNotDisplayScaling": 1,
    "WaterFatShift": 12,
    "acq_id": "seq",
    "dataset": "ds002790",
    "modality": "bold",
    "subject_id": "0179",
    "task_id": "stopsignal"
  },
  "dummy_trs": 0,
  "dvars_nstd": 16.520984731628964,
  "dvars_std": 1.1776420666515834,
  "dvars_vstd": 1.0252011699547514,
  "efc": 0.4050608626002345,
  "fber": 225147.25,
  "fd_mean": 0.09317373642962708,
  "fd_num": 2,
  "fd_perc": 0.9009009009009009,
  "fwhm_avg": 1.9424627359257236,
  "fwhm_x": 1.9401833333333334,
  "fwhm_y": 2.0906866666666666,
  "fwhm_z": 1.7965182077771709,
  "gcor": 0.0264702,
  "gsr_x": -0.011478987522423267,
  "gsr_y": 0.007100966293364763,
  "provenance": {
    "md5sum": "7e99100a842b623ff36755a4d6b1dc20",
    "settings": {
      "fd_thres": 0.2,
      "testing": false
    },
    "software": "mriqc",
    "version": "22.0.0rc1",
    "webapi_port": null,
    "webapi_url": "https://mriqc.nimh.nih.gov/api/v1"
  },
  "size_t": 222,
  "size_x": 80,
  "size_y": 80,
  "size_z": 36,
  "snr": 5.13387608142404,
  "spacing_tr": 2.0,
  "spacing_x": 3.0,
  "spacing_y": 3.0,
  "spacing_z": 3.299999952316284,
  "summary_bg_k": 96.02651068324545,
  "summary_bg_mad": 51.71518321449663,
  "summary_bg_mean": 476.6126708984375,
  "summary_bg_median": 47.44379425048828,
  "summary_bg_n": 159390.0,
  "summary_bg_p05": 4.947144198417664,
  "summary_bg_p95": 2177.330187988274,
  "summary_bg_stdv": 1482.063232421875,
  "summary_fg_k": 1.9467725023360707,
  "summary_fg_mad": 4138.083233660849,
  "summary_fg_mean": 23473.689453125,
  "summary_fg_median": 22827.619140625,
  "summary_fg_n": 31438.0,
  "summary_fg_p05": 17577.9384765625,
  "summary_fg_p95": 30950.711425781243,
  "summary_fg_stdv": 4446.39794921875,
  "tsnr": 106.56648254394531
}