{
  "aor": 0.001918,
  "aqi": 0.004097925925925926,
  "bids_meta": {
    "AcquisitionNumber": 8,
    "BidsifyVersion": "0.3.5",
    "ConversionSoftware": "dcm2niix",
    "ConversionSoftwareVersion": "v1.0.20181125  GCC6.3.0",
    "EchoTime": 0.02763,
    "EffectiveEchoSpacing": 0.0006909035636805814,
    "FlipAngle": 76.1,
    "ImageComments": "PIOP2",
    "ImageOrientationPatientDICOM": [
      0.999972,
      -0.000385736,
      0.00751319,
      -0.000523584,
      0.992695,
      0.120653
    ],
    "Manufacturer": "Philips",
    "NumberOfVolumesDiscardedByScanner": 2,
    "ParallelAcquisitionTechnique": "SENSE",
    "ParallelReductionFactorInPlane": 2,
    "PatientPosition": "HFS",
    "PhaseEncodingDirection": "j",
    "PhilipsRescaleIntercept": 0,
    "PhilipsRescaleSlope": 0.82613,
    "PhilipsScaleSlope": 0.0579664,
    "ProtocolName": "WIPtask-harriri_boldSENSE",
    "PulseSequenceType": "gradient echo EPI",
    "ReconMatrixPE": 80,
    "RepetitionTime": 2,
    "SeriesDescription": "ImageMRSERIES",
    "SeriesNumber": 8,
    "SliceEncodingDirection": "k",
    "SliceTiming": [
      0.0,
      0.0556,
      0.1111,
      0.1667,
      0.2222,
      0.2778,
      0.3333,
      0.3889,
      0.4444,
      0.5,
      0.5556,
      0.6111,
      0.6667,
      0.7222,
      0.7778,
      0.8333,
      0.8889,
      0.9444,
      1.0,
      1.0556,
      1.1111,
      1.1667,
      1.2222,
      1.2778,
      1.3333,
      1.3889,
      1.4444,
      1.5,
      1.5556,
      1.6111,
      1.6667,
      1.7222,
      1.7778,
      1.8333,
      1.8889,
      1.9444
    ],
    "TaskName": "emomatching",
    "TotalReadoutTime": 0.026945238983542674,
    "UsePhilipsFloatNotDisplayScaling": 1,
    "WaterFatShift": 12,
    "acq_id": "seq",
    "dataset": "ds002790",
    "modality": "bold",
    "subject_id": "0069",
    "task_id": "emomatching"
  },
  "dummy_trs": 0,
  "dvars_nstd": 16.157766299925367,
  "dvars_std": 1.1796571985074622,
  "dvars_vstd": 0.990867295895522,
  "efc": 0.42943622622918964,
  "fber": 250029.0625,
  "fd_mean": 0.10413812997243391,
  "fd_num": 10,
  "fd_perc": 7.407407407407407,
  "fwhm_avg": 2.114013948837636,
  "fwhm_x": 2.079423333333333,
  "fwhm_y": 2.3019366666666667,
  "fwhm_z": 1.9606818465129079,
  "gcor": 0.0421527,
  "gsr_x": -0.008019969798624516,
  "gsr_y": 0.009604436345398426,
  "provenance": {
    "md5sum": "30a46d68a176f4116f64e860f89b0161",
    "settings": {
      "fd_thres": 0.2,
      "testing": false
    },
    "software": "mriqc",
    "version": "22.0.0rc1",
    "webapi_port": null,
    "webapi_url": "https://mriqc.nimh.nih.gov/api/v1"
  },
  "size_t": 135,
  "size_x": 80,
  "size_y": 80,
  "size_z": 36,
  "snr": 6.251892319996049,
  "spacing_tr": 2.0,
  "spacing_x": 3.0,
  "spacing_y": 3.0,
  "spacing_z": 3.299999952316284,
  "summary_bg_k": 62.00782564215548,
  "summary_bg_mad": 51.34489957202128,
  "summary_bg_mean": 446.671142578125,
  "summary_bg_median": 46.57286834716797,
  "summary_bg_n": 153322.0,
  "summary_bg_p05": 4.26914303302765,
  "summary_bg_p95": 2017.419097900388,
  "summary_bg_stdv": 1291.709716796875,
  "summary_fg_k": 1.742739525730177,
  "summary_fg_mad": 3528.8915379115087,
  "summary_fg_mean": 24250.1796875,
  "summary_fg_median": 23948.09765625,
  "summary_fg_n": 36013.0,
  "summary_fg_p05": 18717.242578125,
  "summary_fg_p95": 30828.886328125005,
  "summary_fg_stdv": 3830.482666015625,
  "tsnr": 95.14530944824219
}