{
  "aor": 0.0039822500000000005,
  "aqi": 0.006141937374999999,
  "bids_meta": {
    "AcquisitionNumber": 3,
    "BidsifyVersion": "0.3.5",
    "ConversionSoftware": "dcm2niix",
    "ConversionSoftwareVersion": "v1.0.20181125  GCC6.3.0",
    "EchoTime": 0.02763,
    "EffectiveEchoSpacing": 0.0006909035636805814,
    "FlipAngle": 76.1,
    "ImageComments": "PIOP2",
    "ImageOrientationPatientDICOM": [
      0.999972,
      -0.000385736,
      0.00751319,
      -0.000523584,
      0.992695,
      0.120653
    ],
    "Manufacturer": "Philips",
    "NumberOfVolumesDiscardedByScanner": 2,
    "ParallelAcquisitionTechnique": "SENSE",
    "ParallelReductionFactorInPlane": 2,
    "PatientPosition": "HFS",
    "PhaseEncodingDirection": "j",
    "PhilipsRescaleIntercept": 0,
    "PhilipsRescaleSlope": 0.79878,
    "PhilipsScaleSlope": 0.0566344,
    "ProtocolName": "WIPtask-wm_boldSENSE",
    "PulseSequenceType": "gradient echo EPI",
    "ReconMatrixPE": 80,
    "RepetitionTime": 2,
    "SeriesDescription": "ImageMRSERIES",
    "SeriesNumber": 3,
    "SliceEncodingDirection": "k",
    "SliceTiming": [
      0.0,
      0.0556,
      0.1111,
      0.1667,
      0.2222,
      0.2778,
      0.3333,
      0.3889,
      0.4444,
      0.5,
      0.5556,
      0.6111,
      0.6667,
      0.7222,
      0.7778,
      0.8333,
      0.8889,
      0.9444,
      1.0,
      1.0556,
      1.1111,
      1.1667,
      1.2222,
      1.2778,
      1.3333,
      1.3889,
      1.4444,
      1.5,
      1.5556,
      1.6111,
      1.6667,
      1.7222,
      1.7778,
      1.8333,
      1.8889,
      1.9444
    ],
    "TaskName": "workingmemory",
    "TotalReadoutTime": 0.026945238983542674,
    "UsePhilipsFloatNotDisplayScaling": 1,
    "WaterFatShift": 12,
    "acq_id": "seq",
    "dataset": "ds002790",
    "modality": "bold",
    "subject_id": "0069",
    "task_id": "workingmemory"
  },
  "dummy_trs": 0,
  "dvars_nstd": 15.818729454779868,
  "dvars_std": 1.177033685031446,
  "dvars_vstd": 0.9932592882389942,
  "efc": 0.4301388864214057,
  "fber": 246790.21875,
  "fd_mean": 0.094433571807204,
  "fd_num": 9,
  "fd_perc": 5.625,
  "fwhm_avg": 2.1196086962391285,
  "fwhm_x": 2.0901433333333332,
  "fwhm_y": 2.32321,
  "fwhm_z": 1.9454727553840516,
  "gcor": 0.0368092,
  "gsr_x": -0.008820146322250366,
  "gsr_y": 0.009262986481189728,
  "provenance": {
    "md5sum": "d7e2af385954115a882dbb4558fd4339",
    "settings": {
      "fd_thres": 0.2,
      "testing": false
    },
    "software": "mriqc",
    "version": "22.0.0rc1",
    "webapi_port": null,
    "webapi_url": "https://mriqc.nimh.nih.gov/api/v1"
  },
  "size_t": 160,
  "size_x": 80,
  "size_y": 80,
  "size_z": 36,
  "snr": 6.23907197117054,
  "spacing_tr": 2.0,
  "spacing_x": 3.0,
  "spacing_y": 3.0,
  "spacing_z": 3.299999952316284,
  "summary_bg_k": 57.55574072436495,
  "summary_bg_mad": 52.59714317213073,
  "summary_bg_mean": 449.60968017578125,
  "summary_bg_median": 47.864227294921875,
  "summary_bg_n": 153168.0,
  "summary_bg_p05": 4.599631071090698,
  "summary_bg_p95": 2030.8757995605463,
  "summary_bg_stdv": 1298.304443359375,
  "summary_fg_k": 1.776639122751594,
  "summary_fg_mad": 3580.559646084937,
  "summary_fg_mean": 24613.8515625,
  "summary_fg_median": 24330.294921875,
  "summary_fg_n": 36191.0,
  "summary_fg_p05": 18861.66796875,
  "summary_fg_p95": 31272.6708984375,
  "summary_fg_stdv": 3899.61181640625,
  "tsnr": 81.73623657226562
}