{
  "aor": 0.0023838495575221243,
  "aqi": 0.005539796769911505,
  "bids_meta": {
    "AcquisitionNumber": 7,
    "BidsifyVersion": "0.3.5",
    "ConversionSoftware": "dcm2niix",
    "ConversionSoftwareVersion": "v1.0.20181125  GCC6.3.0",
    "EchoTime": 0.02763,
    "EffectiveEchoSpacing": 0.0006909035636805814,
    "FlipAngle": 76.1,
    "ImageComments": "PIOP2",
    "ImageOrientationPatientDICOM": [
      0.997313,
      -0.0663228,
      0.031106,
      0.0713133,
      0.97612,
      -0.205191
    ],
    "Manufacturer": "Philips",
    "NumberOfVolumesDiscardedByScanner": 2,
    "ParallelAcquisitionTechnique": "SENSE",
    "ParallelReductionFactorInPlane": 2,
    "PatientPosition": "HFS",
    "PhaseEncodingDirection": "j",
    "PhilipsRescaleIntercept": 0,
    "PhilipsRescaleSlope": 0.80928,
    "PhilipsScaleSlope": 0.0526469,
    "ProtocolName": "WIPtask-stop_boldSENSE",
    "PulseSequenceType": "gradient echo EPI",
    "ReconMatrixPE": 80,
    "RepetitionTime": 2,
    "SeriesDescription": "ImageMRSERIES",
    "SeriesNumber": 7,
    "SliceEncodingDirection": "k",
    "SliceTiming": [
      0.0,
      0.0556,
      0.1111,
      0.1667,
      0.2222,
      0.2778,
      0.3333,
      0.3889,
      0.4444,
      0.5,
      0.5556,
      0.6111,
      0.6667,
      0.7222,
      0.7778,
      0.8333,
      0.8889,
      0.9444,
      1.0,
      1.0556,
      1.1111,
      1.1667,
      1.2222,
      1.2778,
      1.3333,
      1.3889,
      1.4444,
      1.5,
      1.5556,
      1.6111,
      1.6667,
      1.7222,
      1.7778,
      1.8333,
      1.8889,
      1.9444
    ],
    "TaskName": "stopsignal",
    "TotalReadoutTime": 0.026945238983542674,
    "UsePhilipsFloatNotDisplayScaling": 1,
    "WaterFatShift": 12,
    "acq_id": "seq",
    "dataset": "ds002790",
    "modality": "bold",
    "subject_id": "0086",
    "task_id": "stopsignal"
  },
  "dummy_trs": 0,
  "dvars_nstd": 18.588732545511103,
  "dvars_std": 1.2241168820000006,
  "dvars_vstd": 1.022044092666667,
  "efc": 0.4794036950017956,
  "fber": 192699.65625,
  "fd_mean": 0.18377407678154023,
  "fd_num": 78,
  "fd_perc": 34.51327433628319,
  "fwhm_avg": 2.044646473705276,
  "fwhm_x": 1.9278000000000002,
  "fwhm_y": 2.3253666666666666,
  "fwhm_z": 1.8807727544491617,
  "gcor": 0.0427842,
  "gsr_x": -0.01967627741396427,
  "gsr_y": 0.02581816539168358,
  "provenance": {
    "md5sum": "97f48695c84ba1eb3ee0e17f1657aabe",
    "settings": {
      "fd_thres": 0.2,
      "testing": false
    },
    "software": "mriqc",
    "version": "22.0.0rc1",
    "webapi_port": null,
    "webapi_url": "https://mriqc.nimh.nih.gov/api/v1"
  },
  "size_t": 226,
  "size_x": 80,
  "size_y": 80,
  "size_z": 36,
  "snr": 6.311214851781459,
  "spacing_tr": 2.0,
  "spacing_x": 3.0,
  "spacing_y": 3.0,
  "spacing_z": 3.299999952316284,
  "summary_bg_k": 38.82025447834428,
  "summary_bg_mad": 61.97320002005458,
  "summary_bg_mean": 756.499267578125,
  "summary_bg_median": 57.793663024902344,
  "summary_bg_n": 145139.0,
  "summary_bg_p05": 5.783265876770021,
  "summary_bg_p95": 4540.176855468751,
  "summary_bg_stdv": 1987.2115478515625,
  "summary_fg_k": 3.8191723101614787,
  "summary_fg_mad": 3253.5922863164787,
  "summary_fg_mean": 26324.40625,
  "summary_fg_median": 25906.6640625,
  "summary_fg_n": 43450.0,
  "summary_fg_p05": 20785.596484375,
  "summary_fg_p95": 32953.99550781249,
  "summary_fg_stdv": 4104.814453125,
  "tsnr": 92.84803009033203
}