{
  "bids_meta": {
    "AcquisitionNumber": 2,
    "BidsifyVersion": "0.3.5",
    "ConversionSoftware": "dcm2niix",
    "ConversionSoftwareVersion": "v1.0.20181125  GCC6.3.0",
    "EchoTime": 0.00376,
    "ImageComments": "PIOP2",
    "ImageOrientationPatientDICOM": [
      0.995381,
      0.092215,
      -0.0267016,
      -0.0916379,
      0.995547,
      0.0220873
    ],
    "Manufacturer": "Philips",
    "NumberSignalAcquisitions": 2,
    "PatientPosition": "HFS",
    "PhilipsRescaleIntercept": 0,
    "PhilipsRescaleSlope": 8.37998,
    "PhilipsScaleSlope": 0.00736012,
    "ProtocolName": "WIPT1anat_acq-6m_T1wSENSE",
    "ReconMatrixPE": 240,
    "RepetitionTime": 0.008174,
    "SeriesDescription": "ImageMRSERIES",
    "SeriesNumber": 2,
    "UsePhilipsFloatNotDisplayScaling": 1,
    "dataset": "ds002790",
    "modality": "T1w",
    "subject_id": "0083"
  },
  "cjv": 0.25689882817517956,
  "cnr": 4.847340546220751,
  "efc": 0.7482422398785262,
  "fber": 1842.9317626953125,
  "fwhm_avg": 4.211106666666667,
  "fwhm_x": 3.90802,
  "fwhm_y": 4.36793,
  "fwhm_z": 4.35737,
  "icvs_csf": 0.22546395617492151,
  "icvs_gm": 0.4185354331671193,
  "icvs_wm": 0.35600061065795924,
  "inu_med": 1.5711206197738647,
  "inu_range": 0.2682815194129944,
  "provenance": {
    "md5sum": "5fd27239fe81fb137fa3237dbfdd791d",
    "settings": {
      "testing": false
    },
    "software": "mriqc",
    "version": "22.0.0rc1",
    "warnings": {
      "large_rot_frame": true,
      "small_air_mask": true
    },
    "webapi_port": null,
    "webapi_url": "https://mriqc.nimh.nih.gov/api/v1"
  },
  "qi_1": 2.447424086149328e-05,
  "qi_2": 6.55983276444491e-05,
  "rpve_csf": 26.31980833415394,
  "rpve_gm": 14.697147813928197,
  "rpve_wm": 21.50114116861812,
  "size_x": 240,
  "size_y": 240,
  "size_z": 220,
  "snr_csf": 2.29110017235173,
  "snr_gm": 9.654256428498122,
  "snr_total": 12.579626441589156,
  "snr_wm": 25.79352272391762,
  "snrd_csf": 20.72804754763678,
  "snrd_gm": 53.558468005814376,
  "snrd_total": 53.27252339238501,
  "snrd_wm": 85.53105462370388,
  "spacing_x": 1.0,
  "spacing_y": 1.0,
  "spacing_z": 1.0,
  "summary_bg_k": 55.430297215174306,
  "summary_bg_mad": 7.659591964631547,
  "summary_bg_mean": 10.82845401763916,
  "summary_bg_median": 5.35365104675293,
  "summary_bg_n": 131490.0,
  "summary_bg_p05": 0.0,
  "summary_bg_p95": 26.835293197631827,
  "summary_bg_stdv": 15.399723052978516,
  "summary_csf_k": -0.18996682296617484,
  "summary_csf_mad": 128.88503193759945,
  "summary_csf_mean": 241.68548583984375,
  "summary_csf_median": 242.34402465820312,
  "summary_csf_n": 10816.0,
  "summary_csf_p05": 81.45577239990234,
  "summary_csf_p95": 405.8382873535156,
  "summary_csf_stdv": 105.77137756347656,
  "summary_gm_k": 0.30544851515585103,
  "summary_gm_mad": 62.79409490857215,
  "summary_gm_mean": 627.8865356445312,
  "summary_gm_median": 626.1841430664062,
  "summary_gm_n": 26390.0,
  "summary_gm_p05": 524.0775817871094,
  "summary_gm_p95": 737.2982482910156,
  "summary_gm_stdv": 64.85971069335938,
  "summary_wm_k": 1.1380956327427123,
  "summary_wm_mad": 33.237427902858606,
  "summary_wm_mean": 998.0142822265625,
  "summary_wm_median": 999.9948120117188,
  "summary_wm_n": 181704.0,
  "summary_wm_p05": 929.2735015869141,
  "summary_wm_p95": 1058.2916564941406,
  "summary_wm_stdv": 38.76911544799805,
  "tpm_overlap_csf": 0.15065111219882965,
  "tpm_overlap_gm": 0.4326147437095642,
  "tpm_overlap_wm": 0.4591148793697357,
  "wm2max": 0.7536759725981231
}