{
  "aor": 0.0017456296296296295,
  "aqi": 0.00467680711111111,
  "bids_meta": {
    "AcquisitionNumber": 8,
    "BidsifyVersion": "0.3.5",
    "ConversionSoftware": "dcm2niix",
    "ConversionSoftwareVersion": "v1.0.20181125  GCC6.3.0",
    "EchoTime": 0.02763,
    "EffectiveEchoSpacing": 0.0006909035636805814,
    "FlipAngle": 76.1,
    "ImageComments": "PIOP2",
    "ImageOrientationPatientDICOM": [
      0.999941,
      0.000224582,
      -0.0108873,
      -0.00122166,
      0.995789,
      -0.0916622
    ],
    "Manufacturer": "Philips",
    "NumberOfVolumesDiscardedByScanner": 2,
    "ParallelAcquisitionTechnique": "SENSE",
    "ParallelReductionFactorInPlane": 2,
    "PatientPosition": "HFS",
    "PhaseEncodingDirection": "j",
    "PhilipsRescaleIntercept": 0,
    "PhilipsRescaleSlope": 0.76386,
    "PhilipsScaleSlope": 0.060043,
    "ProtocolName": "WIPtask-harriri_boldSENSE",
    "PulseSequenceType": "gradient echo EPI",
    "ReconMatrixPE": 80,
    "RepetitionTime": 2,
    "SeriesDescription": "ImageMRSERIES",
    "SeriesNumber": 8,
    "SliceEncodingDirection": "k",
    "SliceTiming": [
      0.0,
      0.0556,
      0.1111,
      0.1667,
      0.2222,
      0.2778,
      0.3333,
      0.3889,
      0.4444,
      0.5,
      0.5556,
      0.6111,
      0.6667,
      0.7222,
      0.7778,
      0.8333,
      0.8889,
      0.9444,
      1.0,
      1.0556,
      1.1111,
      1.1667,
      1.2222,
      1.2778,
      1.3333,
      1.3889,
      1.4444,
      1.5,
      1.5556,
      1.6111,
      1.6667,
      1.7222,
      1.7778,
      1.8333,
      1.8889,
      1.9444
    ],
    "TaskName": "emomatching",
    "TotalReadoutTime": 0.026945238983542674,
    "UsePhilipsFloatNotDisplayScaling": 1,
    "WaterFatShift": 12,
    "acq_id": "seq",
    "dataset": "ds002790",
    "modality": "bold",
    "subject_id": "0058",
    "task_id": "emomatching"
  },
  "dummy_trs": 0,
  "dvars_nstd": 21.177287784850744,
  "dvars_std": 1.3476481080597011,
  "dvars_vstd": 0.995305932313433,
  "efc": 0.4380885691412785,
  "fber": 195306.21875,
  "fd_mean": 0.10209292380641137,
  "fd_num": 2,
  "fd_perc": 1.4814814814814814,
  "fwhm_avg": 1.9403352613031137,
  "fwhm_x": 1.8774300000000002,
  "fwhm_y": 2.1211333333333333,
  "fwhm_z": 1.8224424505760084,
  "gcor": 0.0221489,
  "gsr_x": -0.018342353403568268,
  "gsr_y": 0.019866496324539185,
  "provenance": {
    "md5sum": "5bdbd2c24c3fc0aa915781cdf34248ac",
    "settings": {
      "fd_thres": 0.2,
      "testing": false
    },
    "software": "mriqc",
    "version": "22.0.0rc1",
    "webapi_port": null,
    "webapi_url": "https://mriqc.nimh.nih.gov/api/v1"
  },
  "size_t": 135,
  "size_x": 80,
  "size_y": 80,
  "size_z": 36,
  "snr": 6.279273950297401,
  "spacing_tr": 2.0,
  "spacing_x": 3.0,
  "spacing_y": 3.0,
  "spacing_z": 3.299999952316284,
  "summary_bg_k": 66.13807025435061,
  "summary_bg_mad": 65.05570252487024,
  "summary_bg_mean": 593.6976928710938,
  "summary_bg_median": 56.960716247558594,
  "summary_bg_n": 152916.0,
  "summary_bg_p05": 5.405282735824585,
  "summary_bg_p95": 2968.4330444335938,
  "summary_bg_stdv": 1687.53173828125,
  "summary_fg_k": 1.3640507669767583,
  "summary_fg_mad": 3811.07243828052,
  "summary_fg_mean": 25725.58984375,
  "summary_fg_median": 25510.267578125,
  "summary_fg_n": 36685.0,
  "summary_fg_p05": 19516.78984375,
  "summary_fg_p95": 32390.815624999992,
  "summary_fg_stdv": 4062.558837890625,
  "tsnr": 90.35753631591797
}