{
  "aor": 0.005745708333333333,
  "aqi": 0.006246485708333333,
  "bids_meta": {
    "AcquisitionNumber": 4,
    "BidsifyVersion": "0.3.5",
    "ConversionSoftware": "dcm2niix",
    "ConversionSoftwareVersion": "v1.0.20181125  GCC6.3.0",
    "EchoTime": 0.02763,
    "EffectiveEchoSpacing": 0.0006909035636805814,
    "FlipAngle": 76.1,
    "ImageComments": "PIOP2",
    "ImageOrientationPatientDICOM": [
      0.999941,
      0.000224582,
      -0.0108873,
      -0.00122166,
      0.995789,
      -0.0916622
    ],
    "Manufacturer": "Philips",
    "NumberOfVolumesDiscardedByScanner": 2,
    "ParallelAcquisitionTechnique": "SENSE",
    "ParallelReductionFactorInPlane": 2,
    "PatientPosition": "HFS",
    "PhaseEncodingDirection": "j",
    "PhilipsRescaleIntercept": 0,
    "PhilipsRescaleSlope": 0.78632,
    "PhilipsScaleSlope": 0.058017,
    "ProtocolName": "WIPtask-rest_boldSENSE",
    "PulseSequenceType": "gradient echo EPI",
    "ReconMatrixPE": 80,
    "RepetitionTime": 2,
    "SeriesDescription": "ImageMRSERIES",
    "SeriesNumber": 4,
    "SliceEncodingDirection": "k",
    "SliceTiming": [
      0.0,
      0.0556,
      0.1111,
      0.1667,
      0.2222,
      0.2778,
      0.3333,
      0.3889,
      0.4444,
      0.5,
      0.5556,
      0.6111,
      0.6667,
      0.7222,
      0.7778,
      0.8333,
      0.8889,
      0.9444,
      1.0,
      1.0556,
      1.1111,
      1.1667,
      1.2222,
      1.2778,
      1.3333,
      1.3889,
      1.4444,
      1.5,
      1.5556,
      1.6111,
      1.6667,
      1.7222,
      1.7778,
      1.8333,
      1.8889,
      1.9444
    ],
    "TaskName": "restingstate",
    "TotalReadoutTime": 0.026945238983542674,
    "UsePhilipsFloatNotDisplayScaling": 1,
    "WaterFatShift": 12,
    "acq_id": "seq",
    "dataset": "ds002790",
    "modality": "bold",
    "subject_id": "0058",
    "task_id": "restingstate"
  },
  "dummy_trs": 0,
  "dvars_nstd": 20.69562415221757,
  "dvars_std": 1.3588329682426785,
  "dvars_vstd": 1.042116889497907,
  "efc": 0.43628747204639895,
  "fber": 221111.8125,
  "fd_mean": 0.1079232103988722,
  "fd_num": 9,
  "fd_perc": 3.75,
  "fwhm_avg": 1.9191518267458398,
  "fwhm_x": 1.88164,
  "fwhm_y": 2.09777,
  "fwhm_z": 1.7780454802375196,
  "gcor": 0.0312279,
  "gsr_x": -0.01837988570332527,
  "gsr_y": 0.02028471976518631,
  "provenance": {
    "md5sum": "b5db9fb9c57f66d32ea47ab2bd160ad4",
    "settings": {
      "fd_thres": 0.2,
      "testing": false
    },
    "software": "mriqc",
    "version": "22.0.0rc1",
    "webapi_port": null,
    "webapi_url": "https://mriqc.nimh.nih.gov/api/v1"
  },
  "size_t": 240,
  "size_x": 80,
  "size_y": 80,
  "size_z": 36,
  "snr": 6.259553986792483,
  "spacing_tr": 2.0,
  "spacing_x": 3.0,
  "spacing_y": 3.0,
  "spacing_z": 3.299999952316284,
  "summary_bg_k": 85.04503288879857,
  "summary_bg_mad": 58.970562060118056,
  "summary_bg_mean": 593.766845703125,
  "summary_bg_median": 54.54881286621094,
  "summary_bg_n": 153283.0,
  "summary_bg_p05": 6.750981760025025,
  "summary_bg_p95": 2954.6996093749995,
  "summary_bg_stdv": 1726.6219482421875,
  "summary_fg_k": 1.5101630337581202,
  "summary_fg_mad": 3906.035716512516,
  "summary_fg_mean": 26154.720703125,
  "summary_fg_median": 25941.38671875,
  "summary_fg_n": 36494.0,
  "summary_fg_p05": 19899.8048828125,
  "summary_fg_p95": 32892.66328125,
  "summary_fg_stdv": 4144.22998046875,
  "tsnr": 77.98774719238281
}