{
  "bids_meta": {
    "AcquisitionNumber": 2,
    "BidsifyVersion": "0.3.5",
    "ConversionSoftware": "dcm2niix",
    "ConversionSoftwareVersion": "v1.0.20181125  GCC6.3.0",
    "EchoTime": 0.00373,
    "ImageComments": "PIOP2",
    "ImageOrientationPatientDICOM": [
      0.999852,
      -0.00426547,
      -0.0166838,
      0.00523526,
      0.998272,
      0.0585229
    ],
    "Manufacturer": "Philips",
    "NumberSignalAcquisitions": 2,
    "PatientPosition": "HFS",
    "PhilipsRescaleIntercept": 0,
    "PhilipsRescaleSlope": 8.85714,
    "PhilipsScaleSlope": 0.00727063,
    "ProtocolName": "WIPT1anat_acq-6m_T1wSENSE",
    "ReconMatrixPE": 240,
    "RepetitionTime": 0.00815,
    "SeriesDescription": "ImageMRSERIES",
    "SeriesNumber": 2,
    "UsePhilipsFloatNotDisplayScaling": 1,
    "dataset": "ds002790",
    "modality": "T1w",
    "subject_id": "0171"
  },
  "cjv": 0.282489925245644,
  "cnr": 4.093909595419306,
  "efc": 0.769885420792759,
  "fber": 1023.6300048828125,
  "fwhm_avg": 4.496123517617594,
  "fwhm_x": 4.21304,
  "fwhm_y": 4.638640276484505,
  "fwhm_z": 4.6366902763682765,
  "icvs_csf": 0.2656467503112404,
  "icvs_gm": 0.37863411030481914,
  "icvs_wm": 0.3557191393839404,
  "inu_med": 0.6916824579238892,
  "inu_range": 0.2791574388742447,
  "provenance": {
    "md5sum": "0a2388e0a1c333499e2b9fea640d9dd6",
    "settings": {
      "testing": false
    },
    "software": "mriqc",
    "version": "22.0.0rc1",
    "warnings": {
      "large_rot_frame": true,
      "small_air_mask": true
    },
    "webapi_port": null,
    "webapi_url": "https://mriqc.nimh.nih.gov/api/v1"
  },
  "qi_1": 0.0,
  "qi_2": 0.00020153641514003836,
  "rpve_csf": 27.347281090348915,
  "rpve_gm": 17.861121622644365,
  "rpve_wm": 25.233126931887522,
  "size_x": 240,
  "size_y": 240,
  "size_z": 220,
  "snr_csf": 3.3352760106587156,
  "snr_gm": 9.173504512242562,
  "snr_total": 12.134207382105387,
  "snr_wm": 23.89384162341488,
  "snrd_csf": 20.092019708153007,
  "snrd_gm": 34.87801354778777,
  "snrd_total": 36.01719255976089,
  "snrd_wm": 53.081544423341896,
  "spacing_x": 1.0,
  "spacing_y": 0.9999999403953552,
  "spacing_z": 0.9999999403953552,
  "summary_bg_k": 188.07690952129107,
  "summary_bg_mad": 12.342082065296081,
  "summary_bg_mean": 13.138954162597656,
  "summary_bg_median": 8.7899808883667,
  "summary_bg_n": 127168.0,
  "summary_bg_p05": 0.0,
  "summary_bg_p95": 33.57980461120605,
  "summary_bg_stdv": 11.633367538452148,
  "summary_csf_k": -0.3321804665728676,
  "summary_csf_mad": 108.57672291900668,
  "summary_csf_mean": 359.6977844238281,
  "summary_csf_median": 378.5125732421875,
  "summary_csf_n": 12873.0,
  "summary_csf_p05": 139.8376220703125,
  "summary_csf_p95": 515.1929321289062,
  "summary_csf_stdv": 113.48322296142578,
  "summary_gm_k": 0.5552946773723031,
  "summary_gm_mad": 61.67494922147693,
  "summary_gm_mean": 665.0952758789062,
  "summary_gm_median": 657.065185546875,
  "summary_gm_n": 17407.0,
  "summary_gm_p05": 558.6632080078125,
  "summary_gm_p95": 799.9270446777344,
  "summary_gm_stdv": 71.62435150146484,
  "summary_wm_k": 2.1136994428331484,
  "summary_wm_mad": 35.200853295682414,
  "summary_wm_mean": 997.407470703125,
  "summary_wm_median": 1000.0006103515625,
  "summary_wm_n": 172102.0,
  "summary_wm_p05": 922.0237884521484,
  "summary_wm_p95": 1058.6622192382813,
  "summary_wm_stdv": 41.85169219970703,
  "tpm_overlap_csf": 0.15990537405014038,
  "tpm_overlap_gm": 0.4336852729320526,
  "tpm_overlap_wm": 0.5178411602973938,
  "wm2max": 0.5564044792023286
}