{
  "aor": 0.0030031111111111113,
  "aqi": 0.0042772747407407415,
  "bids_meta": {
    "AcquisitionNumber": 8,
    "BidsifyVersion": "0.3.5",
    "ConversionSoftware": "dcm2niix",
    "ConversionSoftwareVersion": "v1.0.20181125  GCC6.3.0",
    "EchoTime": 0.02763,
    "EffectiveEchoSpacing": 0.0006909035636805814,
    "FlipAngle": 76.1,
    "ImageComments": "PIOP2",
    "ImageOrientationPatientDICOM": [
      0.995362,
      -0.0883714,
      0.0380116,
      0.0947906,
      0.968353,
      -0.230882
    ],
    "Manufacturer": "Philips",
    "NumberOfVolumesDiscardedByScanner": 2,
    "ParallelAcquisitionTechnique": "SENSE",
    "ParallelReductionFactorInPlane": 2,
    "PatientPosition": "HFS",
    "PhaseEncodingDirection": "j",
    "PhilipsRescaleIntercept": 0,
    "PhilipsRescaleSlope": 0.74652,
    "PhilipsScaleSlope": 0.0734041,
    "ProtocolName": "WIPtask-harriri_boldSENSE",
    "PulseSequenceType": "gradient echo EPI",
    "ReconMatrixPE": 80,
    "RepetitionTime": 2,
    "SeriesDescription": "ImageMRSERIES",
    "SeriesNumber": 8,
    "SliceEncodingDirection": "k",
    "SliceTiming": [
      0.0,
      0.0556,
      0.1111,
      0.1667,
      0.2222,
      0.2778,
      0.3333,
      0.3889,
      0.4444,
      0.5,
      0.5556,
      0.6111,
      0.6667,
      0.7222,
      0.7778,
      0.8333,
      0.8889,
      0.9444,
      1.0,
      1.0556,
      1.1111,
      1.1667,
      1.2222,
      1.2778,
      1.3333,
      1.3889,
      1.4444,
      1.5,
      1.5556,
      1.6111,
      1.6667,
      1.7222,
      1.7778,
      1.8333,
      1.8889,
      1.9444
    ],
    "TaskName": "emomatching",
    "TotalReadoutTime": 0.026945238983542674,
    "UsePhilipsFloatNotDisplayScaling": 1,
    "WaterFatShift": 12,
    "acq_id": "seq",
    "dataset": "ds002790",
    "modality": "bold",
    "subject_id": "0061",
    "task_id": "emomatching"
  },
  "dummy_trs": 0,
  "dvars_nstd": 16.02976854544776,
  "dvars_std": 1.1382423522388059,
  "dvars_vstd": 1.0100254905970152,
  "efc": 0.4009458640528191,
  "fber": 217684.078125,
  "fd_mean": 0.10275674441134203,
  "fd_num": 7,
  "fd_perc": 5.185185185185185,
  "fwhm_avg": 2.048045766814489,
  "fwhm_x": 2.071756666666667,
  "fwhm_y": 2.1542533333333336,
  "fwhm_z": 1.9181273004434658,
  "gcor": 0.013823,
  "gsr_x": -0.013530397787690163,
  "gsr_y": 0.007397442124783993,
  "provenance": {
    "md5sum": "cb355a423c0dc49b05bb197691052b18",
    "settings": {
      "fd_thres": 0.2,
      "testing": false
    },
    "software": "mriqc",
    "version": "22.0.0rc1",
    "webapi_port": null,
    "webapi_url": "https://mriqc.nimh.nih.gov/api/v1"
  },
  "size_t": 135,
  "size_x": 80,
  "size_y": 80,
  "size_z": 36,
  "snr": 5.931290793467614,
  "spacing_tr": 2.0,
  "spacing_x": 3.0,
  "spacing_y": 3.0,
  "spacing_z": 3.299999952316284,
  "summary_bg_k": 80.44271420663564,
  "summary_bg_mad": 45.27063639119223,
  "summary_bg_mean": 439.2558288574219,
  "summary_bg_median": 43.44027328491211,
  "summary_bg_n": 161235.0,
  "summary_bg_p05": 6.227152156829835,
  "summary_bg_p95": 2127.2301757812465,
  "summary_bg_stdv": 1229.4185791015625,
  "summary_fg_k": 2.657989554105608,
  "summary_fg_mad": 3007.9248091393547,
  "summary_fg_mean": 20968.787109375,
  "summary_fg_median": 20633.130859375,
  "summary_fg_n": 29887.0,
  "summary_fg_p05": 15972.9994140625,
  "summary_fg_p95": 26751.725390624993,
  "summary_fg_stdv": 3478.63330078125,
  "tsnr": 87.1605224609375
}