{
  "aor": 0.0017159243697478991,
  "aqi": 0.00520608411764706,
  "bids_meta": {
    "AcquisitionNumber": 7,
    "BidsifyVersion": "0.3.5",
    "ConversionSoftware": "dcm2niix",
    "ConversionSoftwareVersion": "v1.0.20181125  GCC6.3.0",
    "EchoTime": 0.02763,
    "EffectiveEchoSpacing": 0.0006909035636805814,
    "FlipAngle": 76.1,
    "ImageComments": "PIOP2",
    "ImageOrientationPatientDICOM": [
      0.995362,
      -0.0883714,
      0.0380116,
      0.0947906,
      0.968353,
      -0.230882
    ],
    "Manufacturer": "Philips",
    "NumberOfVolumesDiscardedByScanner": 2,
    "ParallelAcquisitionTechnique": "SENSE",
    "ParallelReductionFactorInPlane": 2,
    "PatientPosition": "HFS",
    "PhaseEncodingDirection": "j",
    "PhilipsRescaleIntercept": 0,
    "PhilipsRescaleSlope": 0.76093,
    "PhilipsScaleSlope": 0.0749201,
    "ProtocolName": "WIPtask-stop_boldSENSE",
    "PulseSequenceType": "gradient echo EPI",
    "ReconMatrixPE": 80,
    "RepetitionTime": 2,
    "SeriesDescription": "ImageMRSERIES",
    "SeriesNumber": 7,
    "SliceEncodingDirection": "k",
    "SliceTiming": [
      0.0,
      0.0556,
      0.1111,
      0.1667,
      0.2222,
      0.2778,
      0.3333,
      0.3889,
      0.4444,
      0.5,
      0.5556,
      0.6111,
      0.6667,
      0.7222,
      0.7778,
      0.8333,
      0.8889,
      0.9444,
      1.0,
      1.0556,
      1.1111,
      1.1667,
      1.2222,
      1.2778,
      1.3333,
      1.3889,
      1.4444,
      1.5,
      1.5556,
      1.6111,
      1.6667,
      1.7222,
      1.7778,
      1.8333,
      1.8889,
      1.9444
    ],
    "TaskName": "stopsignal",
    "TotalReadoutTime": 0.026945238983542674,
    "UsePhilipsFloatNotDisplayScaling": 1,
    "WaterFatShift": 12,
    "acq_id": "seq",
    "dataset": "ds002790",
    "modality": "bold",
    "subject_id": "0061",
    "task_id": "stopsignal"
  },
  "dummy_trs": 0,
  "dvars_nstd": 15.964763363881866,
  "dvars_std": 1.1274130610970465,
  "dvars_vstd": 1.0012775837130798,
  "efc": 0.40089412638126193,
  "fber": 220719.828125,
  "fd_mean": 0.09653179522591578,
  "fd_num": 6,
  "fd_perc": 2.5210084033613445,
  "fwhm_avg": 2.005463645466205,
  "fwhm_x": 2.0146533333333334,
  "fwhm_y": 2.1118799999999998,
  "fwhm_z": 1.8898576030652827,
  "gcor": 0.0164983,
  "gsr_x": -0.012745782732963562,
  "gsr_y": 0.007249440532177687,
  "provenance": {
    "md5sum": "59be3ae4f4237c75e8370e062661e7ce",
    "settings": {
      "fd_thres": 0.2,
      "testing": false
    },
    "software": "mriqc",
    "version": "22.0.0rc1",
    "webapi_port": null,
    "webapi_url": "https://mriqc.nimh.nih.gov/api/v1"
  },
  "size_t": 238,
  "size_x": 80,
  "size_y": 80,
  "size_z": 36,
  "snr": 6.241804791794284,
  "spacing_tr": 2.0,
  "spacing_x": 3.0,
  "spacing_y": 3.0,
  "spacing_z": 3.299999952316284,
  "summary_bg_k": 79.92262966859904,
  "summary_bg_mad": 43.25217558963017,
  "summary_bg_mean": 425.4443664550781,
  "summary_bg_median": 42.29890060424805,
  "summary_bg_n": 161240.0,
  "summary_bg_p05": 6.387844800949098,
  "summary_bg_p95": 2037.3668640136716,
  "summary_bg_stdv": 1200.2969970703125,
  "summary_fg_k": 2.80009585697886,
  "summary_fg_mad": 2787.2747965457834,
  "summary_fg_mean": 20507.6953125,
  "summary_fg_median": 20219.86328125,
  "summary_fg_n": 29892.0,
  "summary_fg_p05": 15815.070361328126,
  "summary_fg_p95": 25841.311523437478,
  "summary_fg_stdv": 3239.37158203125,
  "tsnr": 84.7479476928711
}