{
  "aor": 0.0037588888888888884,
  "aqi": 0.009462178444444445,
  "bids_meta": {
    "AcquisitionNumber": 8,
    "BidsifyVersion": "0.3.5",
    "ConversionSoftware": "dcm2niix",
    "ConversionSoftwareVersion": "v1.0.20181125  GCC6.3.0",
    "EchoTime": 0.02763,
    "EffectiveEchoSpacing": 0.0006909035636805814,
    "FlipAngle": 76.1,
    "ImageComments": "PIOP2",
    "ImageOrientationPatientDICOM": [
      0.999394,
      0.0134046,
      -0.0321234,
      -0.0160487,
      0.996377,
      -0.0835207
    ],
    "Manufacturer": "Philips",
    "NumberOfVolumesDiscardedByScanner": 2,
    "ParallelAcquisitionTechnique": "SENSE",
    "ParallelReductionFactorInPlane": 2,
    "PatientPosition": "HFS",
    "PhaseEncodingDirection": "j",
    "PhilipsRescaleIntercept": 0,
    "PhilipsRescaleSlope": 0.81441,
    "PhilipsScaleSlope": 0.0537639,
    "ProtocolName": "WIPtask-harriri_boldSENSE",
    "PulseSequenceType": "gradient echo EPI",
    "ReconMatrixPE": 80,
    "RepetitionTime": 2,
    "SeriesDescription": "ImageMRSERIES",
    "SeriesNumber": 8,
    "SliceEncodingDirection": "k",
    "SliceTiming": [
      0.0,
      0.0556,
      0.1111,
      0.1667,
      0.2222,
      0.2778,
      0.3333,
      0.3889,
      0.4444,
      0.5,
      0.5556,
      0.6111,
      0.6667,
      0.7222,
      0.7778,
      0.8333,
      0.8889,
      0.9444,
      1.0,
      1.0556,
      1.1111,
      1.1667,
      1.2222,
      1.2778,
      1.3333,
      1.3889,
      1.4444,
      1.5,
      1.5556,
      1.6111,
      1.6667,
      1.7222,
      1.7778,
      1.8333,
      1.8889,
      1.9444
    ],
    "TaskName": "emomatching",
    "TotalReadoutTime": 0.026945238983542674,
    "UsePhilipsFloatNotDisplayScaling": 1,
    "WaterFatShift": 12,
    "acq_id": "seq",
    "dataset": "ds002790",
    "modality": "bold",
    "subject_id": "0024",
    "task_id": "emomatching"
  },
  "dummy_trs": 0,
  "dvars_nstd": 18.11334249186567,
  "dvars_std": 1.2012892967910453,
  "dvars_vstd": 0.9968624215671638,
  "efc": 0.42434937506628867,
  "fber": 211812.609375,
  "fd_mean": 0.1436119963630966,
  "fd_num": 17,
  "fd_perc": 12.592592592592593,
  "fwhm_avg": 1.8778639475827674,
  "fwhm_x": 1.8384033333333332,
  "fwhm_y": 2.09504,
  "fwhm_z": 1.7001485094149693,
  "gcor": 0.0128831,
  "gsr_x": -0.013351546600461006,
  "gsr_y": 0.0162147656083107,
  "provenance": {
    "md5sum": "74457fdbf3d34bc19eee86349e2f2469",
    "settings": {
      "fd_thres": 0.2,
      "testing": false
    },
    "software": "mriqc",
    "version": "22.0.0rc1",
    "webapi_port": null,
    "webapi_url": "https://mriqc.nimh.nih.gov/api/v1"
  },
  "size_t": 135,
  "size_x": 80,
  "size_y": 80,
  "size_z": 36,
  "snr": 6.612804541523683,
  "spacing_tr": 2.0,
  "spacing_x": 3.0,
  "spacing_y": 3.0,
  "spacing_z": 3.299999952316284,
  "summary_bg_k": 83.86053318631681,
  "summary_bg_mad": 62.48403081125829,
  "summary_bg_mean": 575.379150390625,
  "summary_bg_median": 57.69554901123047,
  "summary_bg_n": 155626.0,
  "summary_bg_p05": 5.954329252243042,
  "summary_bg_p95": 2835.421630859375,
  "summary_bg_stdv": 1614.3319091796875,
  "summary_fg_k": 1.3823823825164592,
  "summary_fg_mad": 4020.0860504540424,
  "summary_fg_mean": 27300.72265625,
  "summary_fg_median": 26990.6484375,
  "summary_fg_n": 34334.0,
  "summary_fg_p05": 21365.11953125,
  "summary_fg_p95": 33987.7265625,
  "summary_fg_stdv": 4081.51416015625,
  "tsnr": 72.93003845214844
}