{
  "aor": 0.002133407407407407,
  "aqi": 0.005556301481481482,
  "bids_meta": {
    "AcquisitionNumber": 8,
    "BidsifyVersion": "0.3.5",
    "ConversionSoftware": "dcm2niix",
    "ConversionSoftwareVersion": "v1.0.20181125  GCC6.3.0",
    "EchoTime": 0.02763,
    "EffectiveEchoSpacing": 0.0006909035636805814,
    "FlipAngle": 76.1,
    "ImageComments": "PIOP2",
    "ImageOrientationPatientDICOM": [
      0.999671,
      -0.00331293,
      -0.0254393,
      0.000174475,
      0.992482,
      -0.122393
    ],
    "Manufacturer": "Philips",
    "NumberOfVolumesDiscardedByScanner": 2,
    "ParallelAcquisitionTechnique": "SENSE",
    "ParallelReductionFactorInPlane": 2,
    "PatientPosition": "HFS",
    "PhaseEncodingDirection": "j",
    "PhilipsRescaleIntercept": 0,
    "PhilipsRescaleSlope": 0.79048,
    "PhilipsScaleSlope": 0.0612701,
    "ProtocolName": "WIPtask-harriri_boldSENSE",
    "PulseSequenceType": "gradient echo EPI",
    "ReconMatrixPE": 80,
    "RepetitionTime": 2,
    "SeriesDescription": "ImageMRSERIES",
    "SeriesNumber": 8,
    "SliceEncodingDirection": "k",
    "SliceTiming": [
      0.0,
      0.0556,
      0.1111,
      0.1667,
      0.2222,
      0.2778,
      0.3333,
      0.3889,
      0.4444,
      0.5,
      0.5556,
      0.6111,
      0.6667,
      0.7222,
      0.7778,
      0.8333,
      0.8889,
      0.9444,
      1.0,
      1.0556,
      1.1111,
      1.1667,
      1.2222,
      1.2778,
      1.3333,
      1.3889,
      1.4444,
      1.5,
      1.5556,
      1.6111,
      1.6667,
      1.7222,
      1.7778,
      1.8333,
      1.8889,
      1.9444
    ],
    "TaskName": "emomatching",
    "TotalReadoutTime": 0.026945238983542674,
    "UsePhilipsFloatNotDisplayScaling": 1,
    "WaterFatShift": 12,
    "acq_id": "seq",
    "dataset": "ds002790",
    "modality": "bold",
    "subject_id": "0163",
    "task_id": "emomatching"
  },
  "dummy_trs": 0,
  "dvars_nstd": 17.83957939731343,
  "dvars_std": 1.2958897862686563,
  "dvars_vstd": 0.9806071338059703,
  "efc": 0.4286506457082755,
  "fber": 248395.40625,
  "fd_mean": 0.08617839275680761,
  "fd_num": 2,
  "fd_perc": 1.4814814814814814,
  "fwhm_avg": 1.998149705752054,
  "fwhm_x": 1.9679566666666668,
  "fwhm_y": 2.203116666666667,
  "fwhm_z": 1.8233757839228282,
  "gcor": 0.0204065,
  "gsr_x": -0.021867282688617706,
  "gsr_y": 0.014895311556756496,
  "provenance": {
    "md5sum": "0c9183e2f37d354be5affce6d7ae5412",
    "settings": {
      "fd_thres": 0.2,
      "testing": false
    },
    "software": "mriqc",
    "version": "22.0.0rc1",
    "webapi_port": null,
    "webapi_url": "https://mriqc.nimh.nih.gov/api/v1"
  },
  "size_t": 135,
  "size_x": 80,
  "size_y": 80,
  "size_z": 36,
  "snr": 6.750664108589962,
  "spacing_tr": 2.0,
  "spacing_x": 3.0,
  "spacing_y": 3.0,
  "spacing_z": 3.299999952316284,
  "summary_bg_k": 72.8793760001059,
  "summary_bg_mad": 54.752595114483206,
  "summary_bg_mean": 562.7390747070312,
  "summary_bg_median": 50.18247604370117,
  "summary_bg_n": 155207.0,
  "summary_bg_p05": 4.59344973564148,
  "summary_bg_p95": 2895.491235351562,
  "summary_bg_stdv": 1563.397705078125,
  "summary_fg_k": 1.0361557107778063,
  "summary_fg_mad": 3628.518353004644,
  "summary_fg_mean": 25998.716796875,
  "summary_fg_median": 25732.103515625,
  "summary_fg_n": 34617.0,
  "summary_fg_p05": 20233.1171875,
  "summary_fg_p95": 32407.625,
  "summary_fg_stdv": 3811.7333984375,
  "tsnr": 89.90167999267578
}