{
  "aor": 0.00176325,
  "aqi": 0.006082020416666667,
  "bids_meta": {
    "AcquisitionNumber": 4,
    "BidsifyVersion": "0.3.5",
    "ConversionSoftware": "dcm2niix",
    "ConversionSoftwareVersion": "v1.0.20181125  GCC6.3.0",
    "EchoTime": 0.02763,
    "EffectiveEchoSpacing": 0.0006909035636805814,
    "FlipAngle": 76.1,
    "ImageComments": "PIOP2",
    "ImageOrientationPatientDICOM": [
      0.999671,
      -0.00331293,
      -0.0254393,
      0.000174475,
      0.992482,
      -0.122393
    ],
    "Manufacturer": "Philips",
    "NumberOfVolumesDiscardedByScanner": 2,
    "ParallelAcquisitionTechnique": "SENSE",
    "ParallelReductionFactorInPlane": 2,
    "PatientPosition": "HFS",
    "PhaseEncodingDirection": "j",
    "PhilipsRescaleIntercept": 0,
    "PhilipsRescaleSlope": 0.84298,
    "PhilipsScaleSlope": 0.0592789,
    "ProtocolName": "WIPtask-rest_boldSENSE",
    "PulseSequenceType": "gradient echo EPI",
    "ReconMatrixPE": 80,
    "RepetitionTime": 2,
    "SeriesDescription": "ImageMRSERIES",
    "SeriesNumber": 4,
    "SliceEncodingDirection": "k",
    "SliceTiming": [
      0.0,
      0.0556,
      0.1111,
      0.1667,
      0.2222,
      0.2778,
      0.3333,
      0.3889,
      0.4444,
      0.5,
      0.5556,
      0.6111,
      0.6667,
      0.7222,
      0.7778,
      0.8333,
      0.8889,
      0.9444,
      1.0,
      1.0556,
      1.1111,
      1.1667,
      1.2222,
      1.2778,
      1.3333,
      1.3889,
      1.4444,
      1.5,
      1.5556,
      1.6111,
      1.6667,
      1.7222,
      1.7778,
      1.8333,
      1.8889,
      1.9444
    ],
    "TaskName": "restingstate",
    "TotalReadoutTime": 0.026945238983542674,
    "UsePhilipsFloatNotDisplayScaling": 1,
    "WaterFatShift": 12,
    "acq_id": "seq",
    "dataset": "ds002790",
    "modality": "bold",
    "subject_id": "0163",
    "task_id": "restingstate"
  },
  "dummy_trs": 0,
  "dvars_nstd": 19.726222353430952,
  "dvars_std": 1.3843258579916315,
  "dvars_vstd": 0.994695550125523,
  "efc": 0.4280241090965035,
  "fber": 254075.40625,
  "fd_mean": 0.09773102398861966,
  "fd_num": 7,
  "fd_perc": 2.9166666666666665,
  "fwhm_avg": 1.9929767764367494,
  "fwhm_x": 1.9620866666666668,
  "fwhm_y": 2.198113333333333,
  "fwhm_z": 1.8187303293102486,
  "gcor": 0.033533,
  "gsr_x": -0.02176884189248085,
  "gsr_y": 0.016011284664273262,
  "provenance": {
    "md5sum": "2ef5ec0335ac12a3d20a7be1d97c6bc2",
    "settings": {
      "fd_thres": 0.2,
      "testing": false
    },
    "software": "mriqc",
    "version": "22.0.0rc1",
    "webapi_port": null,
    "webapi_url": "https://mriqc.nimh.nih.gov/api/v1"
  },
  "size_t": 240,
  "size_x": 80,
  "size_y": 80,
  "size_z": 36,
  "snr": 6.769002110721045,
  "spacing_tr": 2.0,
  "spacing_x": 3.0,
  "spacing_y": 3.0,
  "spacing_z": 3.299999952316284,
  "summary_bg_k": 79.53248961100867,
  "summary_bg_mad": 52.704196685058676,
  "summary_bg_mean": 555.938232421875,
  "summary_bg_median": 50.045352935791016,
  "summary_bg_n": 155224.0,
  "summary_bg_p05": 5.757843327522278,
  "summary_bg_p95": 2850.2413940429697,
  "summary_bg_stdv": 1551.7193603515625,
  "summary_fg_k": 0.9251157648793442,
  "summary_fg_mad": 3678.1652573723754,
  "summary_fg_mean": 26138.515625,
  "summary_fg_median": 25876.494140625,
  "summary_fg_n": 34599.0,
  "summary_fg_p05": 20353.02265625,
  "summary_fg_p95": 32570.024999999998,
  "summary_fg_stdv": 3822.73779296875,
  "tsnr": 89.2789306640625
}