{
  "aor": 0.002761614349775785,
  "aqi": 0.005328784977578475,
  "bids_meta": {
    "AcquisitionNumber": 7,
    "BidsifyVersion": "0.3.5",
    "ConversionSoftware": "dcm2niix",
    "ConversionSoftwareVersion": "v1.0.20181125  GCC6.3.0",
    "EchoTime": 0.02763,
    "EffectiveEchoSpacing": 0.0006909035636805814,
    "FlipAngle": 76.1,
    "ImageComments": "PIOP2",
    "ImageOrientationPatientDICOM": [
      0.999671,
      -0.00331293,
      -0.0254393,
      0.000174475,
      0.992482,
      -0.122393
    ],
    "Manufacturer": "Philips",
    "NumberOfVolumesDiscardedByScanner": 2,
    "ParallelAcquisitionTechnique": "SENSE",
    "ParallelReductionFactorInPlane": 2,
    "PatientPosition": "HFS",
    "PhaseEncodingDirection": "j",
    "PhilipsRescaleIntercept": 0,
    "PhilipsRescaleSlope": 0.84664,
    "PhilipsScaleSlope": 0.0577046,
    "ProtocolName": "WIPtask-stop_boldSENSE",
    "PulseSequenceType": "gradient echo EPI",
    "ReconMatrixPE": 80,
    "RepetitionTime": 2,
    "SeriesDescription": "ImageMRSERIES",
    "SeriesNumber": 7,
    "SliceEncodingDirection": "k",
    "SliceTiming": [
      0.0,
      0.0556,
      0.1111,
      0.1667,
      0.2222,
      0.2778,
      0.3333,
      0.3889,
      0.4444,
      0.5,
      0.5556,
      0.6111,
      0.6667,
      0.7222,
      0.7778,
      0.8333,
      0.8889,
      0.9444,
      1.0,
      1.0556,
      1.1111,
      1.1667,
      1.2222,
      1.2778,
      1.3333,
      1.3889,
      1.4444,
      1.5,
      1.5556,
      1.6111,
      1.6667,
      1.7222,
      1.7778,
      1.8333,
      1.8889,
      1.9444
    ],
    "TaskName": "stopsignal",
    "TotalReadoutTime": 0.026945238983542674,
    "UsePhilipsFloatNotDisplayScaling": 1,
    "WaterFatShift": 12,
    "acq_id": "seq",
    "dataset": "ds002790",
    "modality": "bold",
    "subject_id": "0163",
    "task_id": "stopsignal"
  },
  "dummy_trs": 0,
  "dvars_nstd": 18.798684901621623,
  "dvars_std": 1.3533176559009004,
  "dvars_vstd": 0.9924113576126121,
  "efc": 0.42908588475100945,
  "fber": 248844.90625,
  "fd_mean": 0.09939888405338038,
  "fd_num": 11,
  "fd_perc": 4.932735426008969,
  "fwhm_avg": 2.0105038472691525,
  "fwhm_x": 1.9695533333333335,
  "fwhm_y": 2.2172066666666668,
  "fwhm_z": 1.844751541807457,
  "gcor": 0.0189599,
  "gsr_x": -0.021950414404273033,
  "gsr_y": 0.015591957606375217,
  "provenance": {
    "md5sum": "33a2ce8c2af4fef586ae209566d4f0f0",
    "settings": {
      "fd_thres": 0.2,
      "testing": false
    },
    "software": "mriqc",
    "version": "22.0.0rc1",
    "webapi_port": null,
    "webapi_url": "https://mriqc.nimh.nih.gov/api/v1"
  },
  "size_t": 223,
  "size_x": 80,
  "size_y": 80,
  "size_z": 36,
  "snr": 6.716129960871847,
  "spacing_tr": 2.0,
  "spacing_x": 3.0,
  "spacing_y": 3.0,
  "spacing_z": 3.299999952316284,
  "summary_bg_k": 72.03156219139952,
  "summary_bg_mad": 54.34488713956031,
  "summary_bg_mean": 565.1287841796875,
  "summary_bg_median": 50.41056823730469,
  "summary_bg_n": 155064.0,
  "summary_bg_p05": 5.370176815986634,
  "summary_bg_p95": 2912.3604125976562,
  "summary_bg_stdv": 1562.364501953125,
  "summary_fg_k": 1.0504633904761258,
  "summary_fg_mad": 3687.231717423432,
  "summary_fg_mean": 26172.33984375,
  "summary_fg_median": 25919.568359375,
  "summary_fg_n": 34715.0,
  "summary_fg_p05": 20336.0765625,
  "summary_fg_p95": 32659.310546874996,
  "summary_fg_stdv": 3859.24560546875,
  "tsnr": 90.58971405029297
}