{
  "aor": 0.0017781249999999998,
  "aqi": 0.006148962333333333,
  "bids_meta": {
    "AcquisitionNumber": 4,
    "BidsifyVersion": "0.3.5",
    "ConversionSoftware": "dcm2niix",
    "ConversionSoftwareVersion": "v1.0.20181125  GCC6.3.0",
    "EchoTime": 0.02763,
    "EffectiveEchoSpacing": 0.0006909035636805814,
    "FlipAngle": 76.1,
    "ImageComments": "PIOP2",
    "ImageOrientationPatientDICOM": [
      0.998587,
      0.0442774,
      0.0293994,
      -0.0399328,
      0.990075,
      -0.13475
    ],
    "Manufacturer": "Philips",
    "NumberOfVolumesDiscardedByScanner": 2,
    "ParallelAcquisitionTechnique": "SENSE",
    "ParallelReductionFactorInPlane": 2,
    "PatientPosition": "HFS",
    "PhaseEncodingDirection": "j",
    "PhilipsRescaleIntercept": 0,
    "PhilipsRescaleSlope": 0.83443,
    "PhilipsScaleSlope": 0.0599317,
    "ProtocolName": "WIPtask-rest_boldSENSE",
    "PulseSequenceType": "gradient echo EPI",
    "ReconMatrixPE": 80,
    "RepetitionTime": 2,
    "SeriesDescription": "ImageMRSERIES",
    "SeriesNumber": 4,
    "SliceEncodingDirection": "k",
    "SliceTiming": [
      0.0,
      0.0556,
      0.1111,
      0.1667,
      0.2222,
      0.2778,
      0.3333,
      0.3889,
      0.4444,
      0.5,
      0.5556,
      0.6111,
      0.6667,
      0.7222,
      0.7778,
      0.8333,
      0.8889,
      0.9444,
      1.0,
      1.0556,
      1.1111,
      1.1667,
      1.2222,
      1.2778,
      1.3333,
      1.3889,
      1.4444,
      1.5,
      1.5556,
      1.6111,
      1.6667,
      1.7222,
      1.7778,
      1.8333,
      1.8889,
      1.9444
    ],
    "TaskName": "restingstate",
    "TotalReadoutTime": 0.026945238983542674,
    "UsePhilipsFloatNotDisplayScaling": 1,
    "WaterFatShift": 12,
    "acq_id": "seq",
    "dataset": "ds002790",
    "modality": "bold",
    "subject_id": "0096",
    "task_id": "restingstate"
  },
  "dummy_trs": 0,
  "dvars_nstd": 19.2991099258159,
  "dvars_std": 1.2401794488284517,
  "dvars_vstd": 0.9985210781589948,
  "efc": 0.4552658468300053,
  "fber": 135011.125,
  "fd_mean": 0.14554416514424026,
  "fd_num": 36,
  "fd_perc": 15.0,
  "fwhm_avg": 1.954367786583852,
  "fwhm_x": 1.9093633333333333,
  "fwhm_y": 2.1254399999999998,
  "fwhm_z": 1.8283000264182239,
  "gcor": 0.0476923,
  "gsr_x": -0.007165062241256237,
  "gsr_y": 0.016817400231957436,
  "provenance": {
    "md5sum": "979f3e06142e6d64ffcc8a2e728b9df1",
    "settings": {
      "fd_thres": 0.2,
      "testing": false
    },
    "software": "mriqc",
    "version": "22.0.0rc1",
    "webapi_port": null,
    "webapi_url": "https://mriqc.nimh.nih.gov/api/v1"
  },
  "size_t": 240,
  "size_x": 80,
  "size_y": 80,
  "size_z": 36,
  "snr": 6.821190418736039,
  "spacing_tr": 2.0,
  "spacing_x": 3.0,
  "spacing_y": 3.0,
  "spacing_z": 3.299999952316284,
  "summary_bg_k": 43.02745160846796,
  "summary_bg_mad": 73.5024804729511,
  "summary_bg_mean": 785.2733764648438,
  "summary_bg_median": 65.08422088623047,
  "summary_bg_n": 152311.0,
  "summary_bg_p05": 8.407307147979736,
  "summary_bg_p95": 4231.374755859375,
  "summary_bg_stdv": 2031.2823486328125,
  "summary_fg_k": 1.7354721208802477,
  "summary_fg_mad": 3395.862737290127,
  "summary_fg_mean": 24336.265625,
  "summary_fg_median": 24127.67578125,
  "summary_fg_n": 37206.0,
  "summary_fg_p05": 19015.68798828125,
  "summary_fg_p95": 29995.64208984375,
  "summary_fg_stdv": 3537.117431640625,
  "tsnr": 84.93511962890625
}