{
  "aor": 0.002713125,
  "aqi": 0.004285382187500001,
  "bids_meta": {
    "AcquisitionNumber": 3,
    "BidsifyVersion": "0.3.5",
    "ConversionSoftware": "dcm2niix",
    "ConversionSoftwareVersion": "v1.0.20181125  GCC6.3.0",
    "EchoTime": 0.02763,
    "EffectiveEchoSpacing": 0.0006909035636805814,
    "FlipAngle": 76.1,
    "ImageComments": "PIOP2",
    "ImageOrientationPatientDICOM": [
      0.998587,
      0.0442774,
      0.0293994,
      -0.0399328,
      0.990075,
      -0.13475
    ],
    "Manufacturer": "Philips",
    "NumberOfVolumesDiscardedByScanner": 2,
    "ParallelAcquisitionTechnique": "SENSE",
    "ParallelReductionFactorInPlane": 2,
    "PatientPosition": "HFS",
    "PhaseEncodingDirection": "j",
    "PhilipsRescaleIntercept": 0,
    "PhilipsRescaleSlope": 0.82344,
    "PhilipsScaleSlope": 0.0604551,
    "ProtocolName": "WIPtask-wm_boldSENSE",
    "PulseSequenceType": "gradient echo EPI",
    "ReconMatrixPE": 80,
    "RepetitionTime": 2,
    "SeriesDescription": "ImageMRSERIES",
    "SeriesNumber": 3,
    "SliceEncodingDirection": "k",
    "SliceTiming": [
      0.0,
      0.0556,
      0.1111,
      0.1667,
      0.2222,
      0.2778,
      0.3333,
      0.3889,
      0.4444,
      0.5,
      0.5556,
      0.6111,
      0.6667,
      0.7222,
      0.7778,
      0.8333,
      0.8889,
      0.9444,
      1.0,
      1.0556,
      1.1111,
      1.1667,
      1.2222,
      1.2778,
      1.3333,
      1.3889,
      1.4444,
      1.5,
      1.5556,
      1.6111,
      1.6667,
      1.7222,
      1.7778,
      1.8333,
      1.8889,
      1.9444
    ],
    "TaskName": "workingmemory",
    "TotalReadoutTime": 0.026945238983542674,
    "UsePhilipsFloatNotDisplayScaling": 1,
    "WaterFatShift": 12,
    "acq_id": "seq",
    "dataset": "ds002790",
    "modality": "bold",
    "subject_id": "0096",
    "task_id": "workingmemory"
  },
  "dummy_trs": 0,
  "dvars_nstd": 17.842652842641517,
  "dvars_std": 1.2239547711320757,
  "dvars_vstd": 1.0160258916981135,
  "efc": 0.4540803703572777,
  "fber": 141811.703125,
  "fd_mean": 0.12623183973644925,
  "fd_num": 15,
  "fd_perc": 9.375,
  "fwhm_avg": 1.9417347561712823,
  "fwhm_x": 1.8982,
  "fwhm_y": 2.121446666666667,
  "fwhm_z": 1.8055576018471804,
  "gcor": 0.01974,
  "gsr_x": -0.0066985138691961765,
  "gsr_y": 0.015963489189743996,
  "provenance": {
    "md5sum": "e6bd0d534944955a5d0845a3479327d8",
    "settings": {
      "fd_thres": 0.2,
      "testing": false
    },
    "software": "mriqc",
    "version": "22.0.0rc1",
    "webapi_port": null,
    "webapi_url": "https://mriqc.nimh.nih.gov/api/v1"
  },
  "size_t": 160,
  "size_x": 80,
  "size_y": 80,
  "size_z": 36,
  "snr": 6.831315399619624,
  "spacing_tr": 2.0,
  "spacing_x": 3.0,
  "spacing_y": 3.0,
  "spacing_z": 3.299999952316284,
  "summary_bg_k": 47.4420099327752,
  "summary_bg_mad": 70.8549201565362,
  "summary_bg_mean": 774.4552001953125,
  "summary_bg_median": 63.55133056640625,
  "summary_bg_n": 152317.0,
  "summary_bg_p05": 8.44421443939209,
  "summary_bg_p95": 4143.069433593748,
  "summary_bg_stdv": 2049.701416015625,
  "summary_fg_k": 1.9202138631631458,
  "summary_fg_mad": 3361.9279415896053,
  "summary_fg_mean": 24335.8046875,
  "summary_fg_median": 24132.486328125,
  "summary_fg_n": 37206.0,
  "summary_fg_p05": 19037.96142578125,
  "summary_fg_p95": 29946.5537109375,
  "summary_fg_stdv": 3532.5791015625,
  "tsnr": 99.71121978759766
}