{
  "aor": 0.0019390170940170942,
  "aqi": 0.003997662393162393,
  "bids_meta": {
    "AcquisitionNumber": 7,
    "BidsifyVersion": "0.3.5",
    "ConversionSoftware": "dcm2niix",
    "ConversionSoftwareVersion": "v1.0.20181125  GCC6.3.0",
    "EchoTime": 0.02763,
    "EffectiveEchoSpacing": 0.0006909035636805814,
    "FlipAngle": 76.1,
    "ImageComments": "PIOP2",
    "ImageOrientationPatientDICOM": [
      0.998587,
      0.0442774,
      0.0293994,
      -0.0399328,
      0.990075,
      -0.13475
    ],
    "Manufacturer": "Philips",
    "NumberOfVolumesDiscardedByScanner": 2,
    "ParallelAcquisitionTechnique": "SENSE",
    "ParallelReductionFactorInPlane": 2,
    "PatientPosition": "HFS",
    "PhaseEncodingDirection": "j",
    "PhilipsRescaleIntercept": 0,
    "PhilipsRescaleSlope": 0.83346,
    "PhilipsScaleSlope": 0.0604373,
    "ProtocolName": "WIPtask-stop_boldSENSE",
    "PulseSequenceType": "gradient echo EPI",
    "ReconMatrixPE": 80,
    "RepetitionTime": 2,
    "SeriesDescription": "ImageMRSERIES",
    "SeriesNumber": 7,
    "SliceEncodingDirection": "k",
    "SliceTiming": [
      0.0,
      0.0556,
      0.1111,
      0.1667,
      0.2222,
      0.2778,
      0.3333,
      0.3889,
      0.4444,
      0.5,
      0.5556,
      0.6111,
      0.6667,
      0.7222,
      0.7778,
      0.8333,
      0.8889,
      0.9444,
      1.0,
      1.0556,
      1.1111,
      1.1667,
      1.2222,
      1.2778,
      1.3333,
      1.3889,
      1.4444,
      1.5,
      1.5556,
      1.6111,
      1.6667,
      1.7222,
      1.7778,
      1.8333,
      1.8889,
      1.9444
    ],
    "TaskName": "stopsignal",
    "TotalReadoutTime": 0.026945238983542674,
    "UsePhilipsFloatNotDisplayScaling": 1,
    "WaterFatShift": 12,
    "acq_id": "seq",
    "dataset": "ds002790",
    "modality": "bold",
    "subject_id": "0096",
    "task_id": "stopsignal"
  },
  "dummy_trs": 0,
  "dvars_nstd": 20.986873344291837,
  "dvars_std": 1.354965558841202,
  "dvars_vstd": 1.0254886767811158,
  "efc": 0.45605064469505985,
  "fber": 137650.109375,
  "fd_mean": 0.14665150435389313,
  "fd_num": 43,
  "fd_perc": 18.376068376068375,
  "fwhm_avg": 1.9522699077540846,
  "fwhm_x": 1.9114000000000002,
  "fwhm_y": 2.1258066666666666,
  "fwhm_z": 1.8196030565955863,
  "gcor": 0.0247451,
  "gsr_x": -0.0071474662981927395,
  "gsr_y": 0.017183057963848114,
  "provenance": {
    "md5sum": "fdd4f8eccc71b2af78e02bc51df16f34",
    "settings": {
      "fd_thres": 0.2,
      "testing": false
    },
    "software": "mriqc",
    "version": "22.0.0rc1",
    "webapi_port": null,
    "webapi_url": "https://mriqc.nimh.nih.gov/api/v1"
  },
  "size_t": 234,
  "size_x": 80,
  "size_y": 80,
  "size_z": 36,
  "snr": 6.831122866194331,
  "spacing_tr": 2.0,
  "spacing_x": 3.0,
  "spacing_y": 3.0,
  "spacing_z": 3.299999952316284,
  "summary_bg_k": 46.26392137420388,
  "summary_bg_mad": 71.72308944879344,
  "summary_bg_mean": 795.0240478515625,
  "summary_bg_median": 63.85136413574219,
  "summary_bg_n": 152316.0,
  "summary_bg_p05": 8.406778573989868,
  "summary_bg_p95": 4338.7421875,
  "summary_bg_stdv": 2067.1494140625,
  "summary_fg_k": 1.7712456296526105,
  "summary_fg_mad": 3335.77391182878,
  "summary_fg_mean": 24113.36328125,
  "summary_fg_median": 23905.34375,
  "summary_fg_n": 37205.0,
  "summary_fg_p05": 18836.741796875,
  "summary_fg_p95": 29700.951953124993,
  "summary_fg_stdv": 3499.427978515625,
  "tsnr": 105.09078979492188
}