{
  "aor": 0.011244083333333333,
  "aqi": 0.013625890833333333,
  "bids_meta": {
    "AcquisitionNumber": 5,
    "BidsifyVersion": "0.3.5",
    "ConversionSoftware": "dcm2niix",
    "ConversionSoftwareVersion": "v1.0.20181125  GCC6.3.0",
    "EchoTime": 0.02763,
    "EffectiveEchoSpacing": 0.0006909035636805814,
    "FlipAngle": 76.1,
    "ImageComments": "PIOP2",
    "ImageOrientationPatientDICOM": [
      0.999553,
      0.013733,
      -0.0265495,
      -0.0130849,
      0.999616,
      0.0244328
    ],
    "Manufacturer": "Philips",
    "NumberOfVolumesDiscardedByScanner": 2,
    "ParallelAcquisitionTechnique": "SENSE",
    "ParallelReductionFactorInPlane": 2,
    "PatientPosition": "HFS",
    "PhaseEncodingDirection": "j",
    "PhilipsRescaleIntercept": 0,
    "PhilipsRescaleSlope": 0.80049,
    "PhilipsScaleSlope": 0.0631066,
    "ProtocolName": "WIPtask-rest_boldSENSE",
    "PulseSequenceType": "gradient echo EPI",
    "ReconMatrixPE": 80,
    "RepetitionTime": 2,
    "SeriesDescription": "ImageMRSERIES",
    "SeriesNumber": 5,
    "SliceEncodingDirection": "k",
    "SliceTiming": [
      0.0,
      0.0556,
      0.1111,
      0.1667,
      0.2222,
      0.2778,
      0.3333,
      0.3889,
      0.4444,
      0.5,
      0.5556,
      0.6111,
      0.6667,
      0.7222,
      0.7778,
      0.8333,
      0.8889,
      0.9444,
      1.0,
      1.0556,
      1.1111,
      1.1667,
      1.2222,
      1.2778,
      1.3333,
      1.3889,
      1.4444,
      1.5,
      1.5556,
      1.6111,
      1.6667,
      1.7222,
      1.7778,
      1.8333,
      1.8889,
      1.9444
    ],
    "TaskName": "restingstate",
    "TotalReadoutTime": 0.026945238983542674,
    "UsePhilipsFloatNotDisplayScaling": 1,
    "WaterFatShift": 12,
    "acq_id": "seq",
    "dataset": "ds002790",
    "modality": "bold",
    "subject_id": "0060",
    "task_id": "restingstate"
  },
  "dummy_trs": 0,
  "dvars_nstd": 20.90457715146443,
  "dvars_std": 1.1775962463179928,
  "dvars_vstd": 1.0192073226359841,
  "efc": 0.41291955127833185,
  "fber": 209468.921875,
  "fd_mean": 0.22358322933053848,
  "fd_num": 59,
  "fd_perc": 24.583333333333332,
  "fwhm_avg": 1.9240878874351537,
  "fwhm_x": 1.92943,
  "fwhm_y": 2.0475033333333332,
  "fwhm_z": 1.7953303289721276,
  "gcor": 0.0169885,
  "gsr_x": -0.009703629650175571,
  "gsr_y": 0.007308389525860548,
  "provenance": {
    "md5sum": "d64981da91c23e90895eb0854dad21f7",
    "settings": {
      "fd_thres": 0.2,
      "testing": false
    },
    "software": "mriqc",
    "version": "22.0.0rc1",
    "webapi_port": null,
    "webapi_url": "https://mriqc.nimh.nih.gov/api/v1"
  },
  "size_t": 240,
  "size_x": 80,
  "size_y": 80,
  "size_z": 36,
  "snr": 5.808130395533399,
  "spacing_tr": 2.0,
  "spacing_x": 3.0,
  "spacing_y": 3.0,
  "spacing_z": 3.299999952316284,
  "summary_bg_k": 156.4109852060715,
  "summary_bg_mad": 53.24365581452227,
  "summary_bg_mean": 474.64990234375,
  "summary_bg_median": 48.95171356201172,
  "summary_bg_n": 158242.0,
  "summary_bg_p05": 5.24075334072113,
  "summary_bg_p95": 2187.246801757804,
  "summary_bg_stdv": 1501.6243896484375,
  "summary_fg_k": 2.2561712660293,
  "summary_fg_mad": 3541.887472983097,
  "summary_fg_mean": 23225.21484375,
  "summary_fg_median": 22733.34765625,
  "summary_fg_n": 32799.0,
  "summary_fg_p05": 17897.6419921875,
  "summary_fg_p95": 29823.619921874997,
  "summary_fg_stdv": 3913.996337890625,
  "tsnr": 54.959964752197266
}