{
  "aor": 0.010396962962962964,
  "aqi": 0.01323916911111111,
  "bids_meta": {
    "AcquisitionNumber": 9,
    "BidsifyVersion": "0.3.5",
    "ConversionSoftware": "dcm2niix",
    "ConversionSoftwareVersion": "v1.0.20181125  GCC6.3.0",
    "EchoTime": 0.02763,
    "EffectiveEchoSpacing": 0.0006909035636805814,
    "FlipAngle": 76.1,
    "ImageComments": "PIOP2",
    "ImageOrientationPatientDICOM": [
      0.999553,
      0.013733,
      -0.0265495,
      -0.0130849,
      0.999616,
      0.0244328
    ],
    "Manufacturer": "Philips",
    "NumberOfVolumesDiscardedByScanner": 2,
    "ParallelAcquisitionTechnique": "SENSE",
    "ParallelReductionFactorInPlane": 2,
    "PatientPosition": "HFS",
    "PhaseEncodingDirection": "j",
    "PhilipsRescaleIntercept": 0,
    "PhilipsRescaleSlope": 0.80928,
    "PhilipsScaleSlope": 0.0621662,
    "ProtocolName": "WIPtask-harriri_boldSENSE",
    "PulseSequenceType": "gradient echo EPI",
    "ReconMatrixPE": 80,
    "RepetitionTime": 2,
    "SeriesDescription": "ImageMRSERIES",
    "SeriesNumber": 9,
    "SliceEncodingDirection": "k",
    "SliceTiming": [
      0.0,
      0.0556,
      0.1111,
      0.1667,
      0.2222,
      0.2778,
      0.3333,
      0.3889,
      0.4444,
      0.5,
      0.5556,
      0.6111,
      0.6667,
      0.7222,
      0.7778,
      0.8333,
      0.8889,
      0.9444,
      1.0,
      1.0556,
      1.1111,
      1.1667,
      1.2222,
      1.2778,
      1.3333,
      1.3889,
      1.4444,
      1.5,
      1.5556,
      1.6111,
      1.6667,
      1.7222,
      1.7778,
      1.8333,
      1.8889,
      1.9444
    ],
    "TaskName": "emomatching",
    "TotalReadoutTime": 0.026945238983542674,
    "UsePhilipsFloatNotDisplayScaling": 1,
    "WaterFatShift": 12,
    "acq_id": "seq",
    "dataset": "ds002790",
    "modality": "bold",
    "subject_id": "0060",
    "task_id": "emomatching"
  },
  "dummy_trs": 0,
  "dvars_nstd": 23.14209533783582,
  "dvars_std": 1.1835691922388056,
  "dvars_vstd": 1.017307979029851,
  "efc": 0.41240229814000046,
  "fber": 223675.546875,
  "fd_mean": 0.25793923695060716,
  "fd_num": 53,
  "fd_perc": 39.25925925925926,
  "fwhm_avg": 1.9219284934125065,
  "fwhm_x": 1.9419266666666666,
  "fwhm_y": 2.0458133333333333,
  "fwhm_z": 1.7780454802375196,
  "gcor": 0.00858646,
  "gsr_x": -0.010342283174395561,
  "gsr_y": 0.007377456873655319,
  "provenance": {
    "md5sum": "faaec91de5f26efcb08da8503fb27fda",
    "settings": {
      "fd_thres": 0.2,
      "testing": false
    },
    "software": "mriqc",
    "version": "22.0.0rc1",
    "webapi_port": null,
    "webapi_url": "https://mriqc.nimh.nih.gov/api/v1"
  },
  "size_t": 135,
  "size_x": 80,
  "size_y": 80,
  "size_z": 36,
  "snr": 5.792843586253651,
  "spacing_tr": 2.0,
  "spacing_x": 3.0,
  "spacing_y": 3.0,
  "spacing_z": 3.299999952316284,
  "summary_bg_k": 152.5353034473524,
  "summary_bg_mad": 51.40446871414045,
  "summary_bg_mean": 480.9420471191406,
  "summary_bg_median": 47.57327651977539,
  "summary_bg_n": 158463.0,
  "summary_bg_p05": 5.166479587554932,
  "summary_bg_p95": 2265.9665039062497,
  "summary_bg_stdv": 1499.42236328125,
  "summary_fg_k": 2.1102227186018707,
  "summary_fg_mad": 3607.4289155878932,
  "summary_fg_mean": 23332.23046875,
  "summary_fg_median": 22863.9765625,
  "summary_fg_n": 32676.0,
  "summary_fg_p05": 17964.94189453125,
  "summary_fg_p95": 30010.47998046875,
  "summary_fg_stdv": 3946.87451171875,
  "tsnr": 57.704490661621094
}