{
  "aor": 0.012766055045871558,
  "aqi": 0.010940012706422017,
  "bids_meta": {
    "AcquisitionNumber": 8,
    "BidsifyVersion": "0.3.5",
    "ConversionSoftware": "dcm2niix",
    "ConversionSoftwareVersion": "v1.0.20181125  GCC6.3.0",
    "EchoTime": 0.02763,
    "EffectiveEchoSpacing": 0.0006909035636805814,
    "FlipAngle": 76.1,
    "ImageComments": "PIOP2",
    "ImageOrientationPatientDICOM": [
      0.999553,
      0.013733,
      -0.0265495,
      -0.0130849,
      0.999616,
      0.0244328
    ],
    "Manufacturer": "Philips",
    "NumberOfVolumesDiscardedByScanner": 2,
    "ParallelAcquisitionTechnique": "SENSE",
    "ParallelReductionFactorInPlane": 2,
    "PatientPosition": "HFS",
    "PhaseEncodingDirection": "j",
    "PhilipsRescaleIntercept": 0,
    "PhilipsRescaleSlope": 0.7663,
    "PhilipsScaleSlope": 0.0657003,
    "ProtocolName": "WIPtask-stop_boldSENSE",
    "PulseSequenceType": "gradient echo EPI",
    "ReconMatrixPE": 80,
    "RepetitionTime": 2,
    "SeriesDescription": "ImageMRSERIES",
    "SeriesNumber": 8,
    "SliceEncodingDirection": "k",
    "SliceTiming": [
      0.0,
      0.0556,
      0.1111,
      0.1667,
      0.2222,
      0.2778,
      0.3333,
      0.3889,
      0.4444,
      0.5,
      0.5556,
      0.6111,
      0.6667,
      0.7222,
      0.7778,
      0.8333,
      0.8889,
      0.9444,
      1.0,
      1.0556,
      1.1111,
      1.1667,
      1.2222,
      1.2778,
      1.3333,
      1.3889,
      1.4444,
      1.5,
      1.5556,
      1.6111,
      1.6667,
      1.7222,
      1.7778,
      1.8333,
      1.8889,
      1.9444
    ],
    "TaskName": "stopsignal",
    "TotalReadoutTime": 0.026945238983542674,
    "UsePhilipsFloatNotDisplayScaling": 1,
    "WaterFatShift": 12,
    "acq_id": "seq",
    "dataset": "ds002790",
    "modality": "bold",
    "subject_id": "0060",
    "task_id": "stopsignal"
  },
  "dummy_trs": 0,
  "dvars_nstd": 24.1814757054378,
  "dvars_std": 1.2208114697695858,
  "dvars_vstd": 1.0517580663133643,
  "efc": 0.41300457242012656,
  "fber": 219924.796875,
  "fd_mean": 0.2915634021942572,
  "fd_num": 84,
  "fd_perc": 38.53211009174312,
  "fwhm_avg": 1.917609907571377,
  "fwhm_x": 1.9326866666666669,
  "fwhm_y": 2.0384733333333336,
  "fwhm_z": 1.7816697227141312,
  "gcor": 0.011425,
  "gsr_x": -0.01000208966434002,
  "gsr_y": 0.007425153627991676,
  "provenance": {
    "md5sum": "8f53a1bd4c1a83d36562edeeb665b790",
    "settings": {
      "fd_thres": 0.2,
      "testing": false
    },
    "software": "mriqc",
    "version": "22.0.0rc1",
    "webapi_port": null,
    "webapi_url": "https://mriqc.nimh.nih.gov/api/v1"
  },
  "size_t": 218,
  "size_x": 80,
  "size_y": 80,
  "size_z": 36,
  "snr": 5.837987703244649,
  "spacing_tr": 2.0,
  "spacing_x": 3.0,
  "spacing_y": 3.0,
  "spacing_z": 3.299999952316284,
  "summary_bg_k": 152.8957003851278,
  "summary_bg_mad": 49.47234750252784,
  "summary_bg_mean": 473.93829345703125,
  "summary_bg_median": 47.43410110473633,
  "summary_bg_n": 158336.0,
  "summary_bg_p05": 6.418868541717529,
  "summary_bg_p95": 2196.7176513671875,
  "summary_bg_stdv": 1488.1741943359375,
  "summary_fg_k": 2.220567886003522,
  "summary_fg_mad": 3514.728632734339,
  "summary_fg_mean": 23038.587890625,
  "summary_fg_median": 22574.4765625,
  "summary_fg_n": 32720.0,
  "summary_fg_p05": 17787.8236328125,
  "summary_fg_p95": 29582.85390625,
  "summary_fg_stdv": 3866.765869140625,
  "tsnr": 57.51002502441406
}