{
  "aor": 0.007097111111111111,
  "aqi": 0.007412757851851852,
  "bids_meta": {
    "AcquisitionNumber": 8,
    "BidsifyVersion": "0.3.5",
    "ConversionSoftware": "dcm2niix",
    "ConversionSoftwareVersion": "v1.0.20181125  GCC6.3.0",
    "EchoTime": 0.02763,
    "EffectiveEchoSpacing": 0.0006909035636805814,
    "FlipAngle": 76.1,
    "ImageComments": "PIOP2",
    "ImageOrientationPatientDICOM": [
      0.997069,
      -0.0626746,
      0.0438855,
      0.0674488,
      0.990786,
      -0.117443
    ],
    "Manufacturer": "Philips",
    "NumberOfVolumesDiscardedByScanner": 2,
    "ParallelAcquisitionTechnique": "SENSE",
    "ParallelReductionFactorInPlane": 2,
    "PatientPosition": "HFS",
    "PhaseEncodingDirection": "j",
    "PhilipsRescaleIntercept": 0,
    "PhilipsRescaleSlope": 0.78462,
    "PhilipsScaleSlope": 0.0662271,
    "ProtocolName": "WIPtask-harriri_boldSENSE",
    "PulseSequenceType": "gradient echo EPI",
    "ReconMatrixPE": 80,
    "RepetitionTime": 2,
    "SeriesDescription": "ImageMRSERIES",
    "SeriesNumber": 8,
    "SliceEncodingDirection": "k",
    "SliceTiming": [
      0.0,
      0.0556,
      0.1111,
      0.1667,
      0.2222,
      0.2778,
      0.3333,
      0.3889,
      0.4444,
      0.5,
      0.5556,
      0.6111,
      0.6667,
      0.7222,
      0.7778,
      0.8333,
      0.8889,
      0.9444,
      1.0,
      1.0556,
      1.1111,
      1.1667,
      1.2222,
      1.2778,
      1.3333,
      1.3889,
      1.4444,
      1.5,
      1.5556,
      1.6111,
      1.6667,
      1.7222,
      1.7778,
      1.8333,
      1.8889,
      1.9444
    ],
    "TaskName": "emomatching",
    "TotalReadoutTime": 0.026945238983542674,
    "UsePhilipsFloatNotDisplayScaling": 1,
    "WaterFatShift": 12,
    "acq_id": "seq",
    "dataset": "ds002790",
    "modality": "bold",
    "subject_id": "0073",
    "task_id": "emomatching"
  },
  "dummy_trs": 0,
  "dvars_nstd": 26.143568921268653,
  "dvars_std": 1.3552642901492535,
  "dvars_vstd": 1.0483275390298505,
  "efc": 0.41117595879292196,
  "fber": 203989.859375,
  "fd_mean": 0.26837191570007324,
  "fd_num": 70,
  "fd_perc": 51.851851851851855,
  "fwhm_avg": 1.9548442511153912,
  "fwhm_x": 1.9649633333333334,
  "fwhm_y": 2.0951299999999997,
  "fwhm_z": 1.8044394200128413,
  "gcor": 0.0138881,
  "gsr_x": -0.008554978296160698,
  "gsr_y": 0.006112866569310427,
  "provenance": {
    "md5sum": "8b81044b927c04b7dc97d573c0cc1975",
    "settings": {
      "fd_thres": 0.2,
      "testing": false
    },
    "software": "mriqc",
    "version": "22.0.0rc1",
    "webapi_port": null,
    "webapi_url": "https://mriqc.nimh.nih.gov/api/v1"
  },
  "size_t": 135,
  "size_x": 80,
  "size_y": 80,
  "size_z": 36,
  "snr": 6.0240932196367165,
  "spacing_tr": 2.0,
  "spacing_x": 3.0,
  "spacing_y": 3.0,
  "spacing_z": 3.299999952316284,
  "summary_bg_k": 52.2696869338965,
  "summary_bg_mad": 51.899026704009046,
  "summary_bg_mean": 408.40240478515625,
  "summary_bg_median": 49.150352478027344,
  "summary_bg_n": 157389.0,
  "summary_bg_p05": 6.683692455291749,
  "summary_bg_p95": 1888.5622314453149,
  "summary_bg_stdv": 1142.8924560546875,
  "summary_fg_k": 1.0684631655726706,
  "summary_fg_mad": 3691.0526034142877,
  "summary_fg_mean": 22898.66796875,
  "summary_fg_median": 22548.421875,
  "summary_fg_n": 32924.0,
  "summary_fg_p05": 17410.80361328125,
  "summary_fg_p95": 29082.86220703125,
  "summary_fg_stdv": 3742.983154296875,
  "tsnr": 67.99267578125
}