{
  "aor": 0.0018470000000000001,
  "aqi": 0.0038618412500000003,
  "bids_meta": {
    "AcquisitionNumber": 3,
    "BidsifyVersion": "0.3.5",
    "ConversionSoftware": "dcm2niix",
    "ConversionSoftwareVersion": "v1.0.20181125  GCC6.3.0",
    "EchoTime": 0.02763,
    "EffectiveEchoSpacing": 0.0006909035636805814,
    "FlipAngle": 76.1,
    "ImageComments": "PIOP2",
    "ImageOrientationPatientDICOM": [
      0.999609,
      0.0133793,
      -0.0245684,
      -0.0181463,
      0.978499,
      -0.205451
    ],
    "Manufacturer": "Philips",
    "NumberOfVolumesDiscardedByScanner": 2,
    "ParallelAcquisitionTechnique": "SENSE",
    "ParallelReductionFactorInPlane": 2,
    "PatientPosition": "HFS",
    "PhaseEncodingDirection": "j",
    "PhilipsRescaleIntercept": 0,
    "PhilipsRescaleSlope": 0.83712,
    "PhilipsScaleSlope": 0.0541853,
    "ProtocolName": "WIPtask-wm_boldSENSE",
    "PulseSequenceType": "gradient echo EPI",
    "ReconMatrixPE": 80,
    "RepetitionTime": 2,
    "SeriesDescription": "ImageMRSERIES",
    "SeriesNumber": 3,
    "SliceEncodingDirection": "k",
    "SliceTiming": [
      0.0,
      0.0556,
      0.1111,
      0.1667,
      0.2222,
      0.2778,
      0.3333,
      0.3889,
      0.4444,
      0.5,
      0.5556,
      0.6111,
      0.6667,
      0.7222,
      0.7778,
      0.8333,
      0.8889,
      0.9444,
      1.0,
      1.0556,
      1.1111,
      1.1667,
      1.2222,
      1.2778,
      1.3333,
      1.3889,
      1.4444,
      1.5,
      1.5556,
      1.6111,
      1.6667,
      1.7222,
      1.7778,
      1.8333,
      1.8889,
      1.9444
    ],
    "TaskName": "workingmemory",
    "TotalReadoutTime": 0.026945238983542674,
    "UsePhilipsFloatNotDisplayScaling": 1,
    "WaterFatShift": 12,
    "acq_id": "seq",
    "dataset": "ds002790",
    "modality": "bold",
    "subject_id": "0068",
    "task_id": "workingmemory"
  },
  "dummy_trs": 0,
  "dvars_nstd": 20.044557529496856,
  "dvars_std": 1.2838289716352207,
  "dvars_vstd": 0.9971400605660378,
  "efc": 0.42714312694555234,
  "fber": 222437.734375,
  "fd_mean": 0.15278192161432258,
  "fd_num": 36,
  "fd_perc": 22.5,
  "fwhm_avg": 1.9074808168337842,
  "fwhm_x": 1.8731633333333333,
  "fwhm_y": 2.0320033333333334,
  "fwhm_z": 1.8172757838346856,
  "gcor": 0.0352246,
  "gsr_x": -0.014213397167623043,
  "gsr_y": 0.013332080096006393,
  "provenance": {
    "md5sum": "cefd47ad54d7bc4b69ff2c8d222da94a",
    "settings": {
      "fd_thres": 0.2,
      "testing": false
    },
    "software": "mriqc",
    "version": "22.0.0rc1",
    "webapi_port": null,
    "webapi_url": "https://mriqc.nimh.nih.gov/api/v1"
  },
  "size_t": 160,
  "size_x": 80,
  "size_y": 80,
  "size_z": 36,
  "snr": 6.354344656172323,
  "spacing_tr": 2.0,
  "spacing_x": 3.0,
  "spacing_y": 3.0,
  "spacing_z": 3.299999952316284,
  "summary_bg_k": 93.3029465573581,
  "summary_bg_mad": 59.84217495370051,
  "summary_bg_mean": 548.3294677734375,
  "summary_bg_median": 54.662925720214844,
  "summary_bg_n": 154868.0,
  "summary_bg_p05": 5.924043917655945,
  "summary_bg_p95": 2542.9773193359374,
  "summary_bg_stdv": 1553.6781005859375,
  "summary_fg_k": 0.9201837672350535,
  "summary_fg_mad": 4047.5402528635186,
  "summary_fg_mean": 26202.56640625,
  "summary_fg_median": 25932.5,
  "summary_fg_n": 34770.0,
  "summary_fg_p05": 20076.90048828125,
  "summary_fg_p95": 32867.42714843749,
  "summary_fg_stdv": 4081.00732421875,
  "tsnr": 93.1181411743164
}