{
  "aor": 0.002160666666666667,
  "aqi": 0.0034072331111111107,
  "bids_meta": {
    "AcquisitionNumber": 8,
    "BidsifyVersion": "0.3.5",
    "ConversionSoftware": "dcm2niix",
    "ConversionSoftwareVersion": "v1.0.20181125  GCC6.3.0",
    "EchoTime": 0.02763,
    "EffectiveEchoSpacing": 0.0006909035636805814,
    "FlipAngle": 76.1,
    "ImageComments": "PIOP2",
    "ImageOrientationPatientDICOM": [
      0.999609,
      0.0133793,
      -0.0245684,
      -0.0181463,
      0.978499,
      -0.205451
    ],
    "Manufacturer": "Philips",
    "NumberOfVolumesDiscardedByScanner": 2,
    "ParallelAcquisitionTechnique": "SENSE",
    "ParallelReductionFactorInPlane": 2,
    "PatientPosition": "HFS",
    "PhaseEncodingDirection": "j",
    "PhilipsRescaleIntercept": 0,
    "PhilipsRescaleSlope": 0.8381,
    "PhilipsScaleSlope": 0.0558077,
    "ProtocolName": "WIPtask-harriri_boldSENSE",
    "PulseSequenceType": "gradient echo EPI",
    "ReconMatrixPE": 80,
    "RepetitionTime": 2,
    "SeriesDescription": "ImageMRSERIES",
    "SeriesNumber": 8,
    "SliceEncodingDirection": "k",
    "SliceTiming": [
      0.0,
      0.0556,
      0.1111,
      0.1667,
      0.2222,
      0.2778,
      0.3333,
      0.3889,
      0.4444,
      0.5,
      0.5556,
      0.6111,
      0.6667,
      0.7222,
      0.7778,
      0.8333,
      0.8889,
      0.9444,
      1.0,
      1.0556,
      1.1111,
      1.1667,
      1.2222,
      1.2778,
      1.3333,
      1.3889,
      1.4444,
      1.5,
      1.5556,
      1.6111,
      1.6667,
      1.7222,
      1.7778,
      1.8333,
      1.8889,
      1.9444
    ],
    "TaskName": "emomatching",
    "TotalReadoutTime": 0.026945238983542674,
    "UsePhilipsFloatNotDisplayScaling": 1,
    "WaterFatShift": 12,
    "acq_id": "seq",
    "dataset": "ds002790",
    "modality": "bold",
    "subject_id": "0068",
    "task_id": "emomatching"
  },
  "dummy_trs": 0,
  "dvars_nstd": 23.98060481261193,
  "dvars_std": 1.3693370447761195,
  "dvars_vstd": 1.0184582323134326,
  "efc": 0.42839521155116844,
  "fber": 219340.4375,
  "fd_mean": 0.20164731080927428,
  "fd_num": 66,
  "fd_perc": 48.888888888888886,
  "fwhm_avg": 1.9036892006748098,
  "fwhm_x": 1.8581899999999998,
  "fwhm_y": 2.0350533333333334,
  "fwhm_z": 1.8178242686910957,
  "gcor": 0.0234698,
  "gsr_x": -0.014040003530681133,
  "gsr_y": 0.013302135281264782,
  "provenance": {
    "md5sum": "efbe791d9912174e958d98678eb518e9",
    "settings": {
      "fd_thres": 0.2,
      "testing": false
    },
    "software": "mriqc",
    "version": "22.0.0rc1",
    "webapi_port": null,
    "webapi_url": "https://mriqc.nimh.nih.gov/api/v1"
  },
  "size_t": 135,
  "size_x": 80,
  "size_y": 80,
  "size_z": 36,
  "snr": 6.345499927489334,
  "spacing_tr": 2.0,
  "spacing_x": 3.0,
  "spacing_y": 3.0,
  "spacing_z": 3.299999952316284,
  "summary_bg_k": 94.37841999433512,
  "summary_bg_mad": 59.57261894760663,
  "summary_bg_mean": 554.7660522460938,
  "summary_bg_median": 54.219940185546875,
  "summary_bg_n": 154844.0,
  "summary_bg_p05": 5.955339407920837,
  "summary_bg_p95": 2587.598901367188,
  "summary_bg_stdv": 1561.0946044921875,
  "summary_fg_k": 0.9443623830169452,
  "summary_fg_mad": 3985.858788300261,
  "summary_fg_mean": 25844.921875,
  "summary_fg_median": 25581.21484375,
  "summary_fg_n": 34876.0,
  "summary_fg_p05": 19798.6552734375,
  "summary_fg_p95": 32472.50341796875,
  "summary_fg_stdv": 4031.3369140625,
  "tsnr": 98.93010711669922
}