{
  "aor": 0.001901409691629956,
  "aqi": 0.003400809074889868,
  "bids_meta": {
    "AcquisitionNumber": 7,
    "BidsifyVersion": "0.3.5",
    "ConversionSoftware": "dcm2niix",
    "ConversionSoftwareVersion": "v1.0.20181125  GCC6.3.0",
    "EchoTime": 0.02763,
    "EffectiveEchoSpacing": 0.0006909035636805814,
    "FlipAngle": 76.1,
    "ImageComments": "PIOP2",
    "ImageOrientationPatientDICOM": [
      0.999609,
      0.0133793,
      -0.0245684,
      -0.0181463,
      0.978499,
      -0.205451
    ],
    "Manufacturer": "Philips",
    "NumberOfVolumesDiscardedByScanner": 2,
    "ParallelAcquisitionTechnique": "SENSE",
    "ParallelReductionFactorInPlane": 2,
    "PatientPosition": "HFS",
    "PhaseEncodingDirection": "j",
    "PhilipsRescaleIntercept": 0,
    "PhilipsRescaleSlope": 0.82173,
    "PhilipsScaleSlope": 0.0554763,
    "ProtocolName": "WIPtask-stop_boldSENSE",
    "PulseSequenceType": "gradient echo EPI",
    "ReconMatrixPE": 80,
    "RepetitionTime": 2,
    "SeriesDescription": "ImageMRSERIES",
    "SeriesNumber": 7,
    "SliceEncodingDirection": "k",
    "SliceTiming": [
      0.0,
      0.0556,
      0.1111,
      0.1667,
      0.2222,
      0.2778,
      0.3333,
      0.3889,
      0.4444,
      0.5,
      0.5556,
      0.6111,
      0.6667,
      0.7222,
      0.7778,
      0.8333,
      0.8889,
      0.9444,
      1.0,
      1.0556,
      1.1111,
      1.1667,
      1.2222,
      1.2778,
      1.3333,
      1.3889,
      1.4444,
      1.5,
      1.5556,
      1.6111,
      1.6667,
      1.7222,
      1.7778,
      1.8333,
      1.8889,
      1.9444
    ],
    "TaskName": "stopsignal",
    "TotalReadoutTime": 0.026945238983542674,
    "UsePhilipsFloatNotDisplayScaling": 1,
    "WaterFatShift": 12,
    "acq_id": "seq",
    "dataset": "ds002790",
    "modality": "bold",
    "subject_id": "0068",
    "task_id": "stopsignal"
  },
  "dummy_trs": 0,
  "dvars_nstd": 22.53084043486726,
  "dvars_std": 1.3873092011061943,
  "dvars_vstd": 1.0176800969911508,
  "efc": 0.4284936614198164,
  "fber": 214519.734375,
  "fd_mean": 0.17069342393704062,
  "fd_num": 70,
  "fd_perc": 30.837004405286343,
  "fwhm_avg": 1.9118236451473507,
  "fwhm_x": 1.86434,
  "fwhm_y": 2.0474733333333335,
  "fwhm_z": 1.8236576021087183,
  "gcor": 0.027671,
  "gsr_x": -0.013984819874167442,
  "gsr_y": 0.013028234243392944,
  "provenance": {
    "md5sum": "e248887ff749adda27e0aa7faa788eda",
    "settings": {
      "fd_thres": 0.2,
      "testing": false
    },
    "software": "mriqc",
    "version": "22.0.0rc1",
    "webapi_port": null,
    "webapi_url": "https://mriqc.nimh.nih.gov/api/v1"
  },
  "size_t": 227,
  "size_x": 80,
  "size_y": 80,
  "size_z": 36,
  "snr": 6.29887926934424,
  "spacing_tr": 2.0,
  "spacing_x": 3.0,
  "spacing_y": 3.0,
  "spacing_z": 3.299999952316284,
  "summary_bg_k": 93.67660244849519,
  "summary_bg_mad": 60.321916479480926,
  "summary_bg_mean": 556.5704345703125,
  "summary_bg_median": 54.891815185546875,
  "summary_bg_n": 154862.0,
  "summary_bg_p05": 6.268289542198181,
  "summary_bg_p95": 2594.061474609373,
  "summary_bg_stdv": 1558.8759765625,
  "summary_fg_k": 0.9349444079636124,
  "summary_fg_mad": 4016.6155450656074,
  "summary_fg_mean": 25881.04296875,
  "summary_fg_median": 25609.8359375,
  "summary_fg_n": 34847.0,
  "summary_fg_p05": 19771.005859375,
  "summary_fg_p95": 32541.474218749994,
  "summary_fg_stdv": 4065.71826171875,
  "tsnr": 98.420166015625
}