{
  "bids_meta": {
    "AcquisitionNumber": 3,
    "BidsifyVersion": "0.3.5",
    "ConversionSoftware": "dcm2niix",
    "ConversionSoftwareVersion": "v1.0.20181125  GCC6.3.0",
    "EchoTime": 0.00384,
    "ImageComments": "PIOP2",
    "ImageOrientationPatientDICOM": [
      0.996518,
      -0.0759137,
      0.0344715,
      0.080178,
      0.985948,
      -0.146553
    ],
    "Manufacturer": "Philips",
    "NumberSignalAcquisitions": 2,
    "PatientPosition": "HFS",
    "PhilipsRescaleIntercept": 0,
    "PhilipsRescaleSlope": 9.27521,
    "PhilipsScaleSlope": 0.00703606,
    "ProtocolName": "WIPT1anat_acq-6m_T1wSENSE",
    "ReconMatrixPE": 240,
    "RepetitionTime": 0.008321,
    "SeriesDescription": "ImageMRSERIES",
    "SeriesNumber": 3,
    "UsePhilipsFloatNotDisplayScaling": 1,
    "dataset": "ds002790",
    "modality": "T1w",
    "subject_id": "0173"
  },
  "cjv": 0.2690914465849521,
  "cnr": 4.496960588803617,
  "efc": 0.7559288940128994,
  "fber": 1414.4241943359375,
  "fwhm_avg": 4.517016666666667,
  "fwhm_x": 4.24211,
  "fwhm_y": 4.48863,
  "fwhm_z": 4.82031,
  "icvs_csf": 0.24955074362982305,
  "icvs_gm": 0.4006084234892691,
  "icvs_wm": 0.34984083288090784,
  "inu_med": 1.8403440713882446,
  "inu_range": 0.43441059589386,
  "provenance": {
    "md5sum": "31f1aeeb43334a5e31cfa93644d6b281",
    "settings": {
      "testing": false
    },
    "software": "mriqc",
    "version": "22.0.0rc1",
    "warnings": {
      "large_rot_frame": true,
      "small_air_mask": true
    },
    "webapi_port": null,
    "webapi_url": "https://mriqc.nimh.nih.gov/api/v1"
  },
  "qi_1": 0.0,
  "qi_2": 0.00018671538629634504,
  "rpve_csf": 23.728906425771907,
  "rpve_gm": 14.715557950414626,
  "rpve_wm": 21.74835752535546,
  "size_x": 240,
  "size_y": 240,
  "size_z": 220,
  "snr_csf": 2.5322513588248396,
  "snr_gm": 9.076929867500596,
  "snr_total": 12.812120575862707,
  "snr_wm": 26.82718050126268,
  "snrd_csf": 21.991154811229762,
  "snrd_gm": 51.789535857747246,
  "snrd_total": 51.56869105288618,
  "snrd_wm": 80.92538248968154,
  "spacing_x": 1.0,
  "spacing_y": 1.0,
  "spacing_z": 1.0,
  "summary_bg_k": 6.019531975862309,
  "summary_bg_mad": 8.095472642204776,
  "summary_bg_mean": 9.799967765808105,
  "summary_bg_median": 11.168230056762695,
  "summary_bg_n": 168570.0,
  "summary_bg_p05": 0.0,
  "summary_bg_p95": 23.01131362915039,
  "summary_bg_stdv": 7.047535419464111,
  "summary_csf_k": -0.7793788294955726,
  "summary_csf_mad": 123.33392680650573,
  "summary_csf_mean": 264.73297119140625,
  "summary_csf_median": 271.74310302734375,
  "summary_csf_n": 15474.0,
  "summary_csf_p05": 89.35241394042968,
  "summary_csf_p95": 425.720002746582,
  "summary_csf_stdv": 107.30937957763672,
  "summary_gm_k": 0.7159487690041244,
  "summary_gm_mad": 64.6343622435721,
  "summary_gm_mean": 645.6422119140625,
  "summary_gm_median": 639.9595336914062,
  "summary_gm_n": 24125.0,
  "summary_gm_p05": 542.3379638671875,
  "summary_gm_p95": 774.7936279296874,
  "summary_gm_stdv": 70.50250244140625,
  "summary_wm_k": 1.6441996294431815,
  "summary_wm_mad": 32.24650776163878,
  "summary_wm_mean": 997.2832641601562,
  "summary_wm_median": 999.9890747070312,
  "summary_wm_n": 208235.0,
  "summary_wm_p05": 931.8864868164062,
  "summary_wm_p95": 1052.0180786132812,
  "summary_wm_stdv": 37.27513122558594,
  "tpm_overlap_csf": 0.17828691005706787,
  "tpm_overlap_gm": 0.4490235149860382,
  "tpm_overlap_wm": 0.5228053331375122,
  "wm2max": 0.8086513282316439
}