{
  "aor": 0.002071625,
  "aqi": 0.003598628625,
  "bids_meta": {
    "AcquisitionNumber": 3,
    "BidsifyVersion": "0.3.5",
    "ConversionSoftware": "dcm2niix",
    "ConversionSoftwareVersion": "v1.0.20181125  GCC6.3.0",
    "EchoTime": 0.02763,
    "EffectiveEchoSpacing": 0.0006909035636805814,
    "FlipAngle": 76.1,
    "ImageComments": "PIOP2",
    "ImageOrientationPatientDICOM": [
      0.99539,
      -0.0771876,
      0.0569249,
      0.0779893,
      0.996882,
      -0.0119955
    ],
    "Manufacturer": "Philips",
    "NumberOfVolumesDiscardedByScanner": 2,
    "ParallelAcquisitionTechnique": "SENSE",
    "ParallelReductionFactorInPlane": 2,
    "PatientPosition": "HFS",
    "PhaseEncodingDirection": "j",
    "PhilipsRescaleIntercept": 0,
    "PhilipsRescaleSlope": 0.80488,
    "PhilipsScaleSlope": 0.0558112,
    "ProtocolName": "WIPtask-wm_boldSENSE",
    "PulseSequenceType": "gradient echo EPI",
    "ReconMatrixPE": 80,
    "RepetitionTime": 2,
    "SeriesDescription": "ImageMRSERIES",
    "SeriesNumber": 3,
    "SliceEncodingDirection": "k",
    "SliceTiming": [
      0.0,
      0.0556,
      0.1111,
      0.1667,
      0.2222,
      0.2778,
      0.3333,
      0.3889,
      0.4444,
      0.5,
      0.5556,
      0.6111,
      0.6667,
      0.7222,
      0.7778,
      0.8333,
      0.8889,
      0.9444,
      1.0,
      1.0556,
      1.1111,
      1.1667,
      1.2222,
      1.2778,
      1.3333,
      1.3889,
      1.4444,
      1.5,
      1.5556,
      1.6111,
      1.6667,
      1.7222,
      1.7778,
      1.8333,
      1.8889,
      1.9444
    ],
    "TaskName": "workingmemory",
    "TotalReadoutTime": 0.026945238983542674,
    "UsePhilipsFloatNotDisplayScaling": 1,
    "WaterFatShift": 12,
    "acq_id": "seq",
    "dataset": "ds002790",
    "modality": "bold",
    "subject_id": "0008",
    "task_id": "workingmemory"
  },
  "dummy_trs": 0,
  "dvars_nstd": 24.136950162893076,
  "dvars_std": 1.4935514186163528,
  "dvars_vstd": 1.005340075974843,
  "efc": 0.45381958118639487,
  "fber": 204407.140625,
  "fd_mean": 0.10939565338225418,
  "fd_num": 8,
  "fd_perc": 5.0,
  "fwhm_avg": 1.8983993016163405,
  "fwhm_x": 1.8504533333333333,
  "fwhm_y": 2.0411566666666667,
  "fwhm_z": 1.803587904849022,
  "gcor": 0.0192172,
  "gsr_x": -0.00465791579335928,
  "gsr_y": 0.012641193345189095,
  "provenance": {
    "md5sum": "4d2b7e6110730cc29ed17d318e26ed3a",
    "settings": {
      "fd_thres": 0.2,
      "testing": false
    },
    "software": "mriqc",
    "version": "22.0.0rc1",
    "webapi_port": null,
    "webapi_url": "https://mriqc.nimh.nih.gov/api/v1"
  },
  "size_t": 160,
  "size_x": 80,
  "size_y": 80,
  "size_z": 36,
  "snr": 5.927176719187866,
  "spacing_tr": 2.0,
  "spacing_x": 3.0,
  "spacing_y": 3.0,
  "spacing_z": 3.299999952316284,
  "summary_bg_k": 59.17660989454465,
  "summary_bg_mad": 65.05703160934803,
  "summary_bg_mean": 703.6519775390625,
  "summary_bg_median": 57.95934295654297,
  "summary_bg_n": 150114.0,
  "summary_bg_p05": 5.519578003883362,
  "summary_bg_p95": 3780.8254394531273,
  "summary_bg_stdv": 2067.28515625,
  "summary_fg_k": 1.922542163099079,
  "summary_fg_mad": 4059.472015444285,
  "summary_fg_mean": 26891.98828125,
  "summary_fg_median": 26421.615234375,
  "summary_fg_n": 39599.0,
  "summary_fg_p05": 20659.621875,
  "summary_fg_p95": 34467.909765625,
  "summary_fg_stdv": 4457.650390625,
  "tsnr": 100.3111572265625
}