{
  "aor": 0.0039402222222222226,
  "aqi": 0.005580854888888889,
  "bids_meta": {
    "AcquisitionNumber": 8,
    "BidsifyVersion": "0.3.5",
    "ConversionSoftware": "dcm2niix",
    "ConversionSoftwareVersion": "v1.0.20181125  GCC6.3.0",
    "EchoTime": 0.02763,
    "EffectiveEchoSpacing": 0.0006909035636805814,
    "FlipAngle": 76.1,
    "ImageComments": "PIOP2",
    "ImageOrientationPatientDICOM": [
      0.99539,
      -0.0771876,
      0.0569249,
      0.0779893,
      0.996882,
      -0.0119955
    ],
    "Manufacturer": "Philips",
    "NumberOfVolumesDiscardedByScanner": 2,
    "ParallelAcquisitionTechnique": "SENSE",
    "ParallelReductionFactorInPlane": 2,
    "PatientPosition": "HFS",
    "PhaseEncodingDirection": "j",
    "PhilipsRescaleIntercept": 0,
    "PhilipsRescaleSlope": 0.87839,
    "PhilipsScaleSlope": 0.0515424,
    "ProtocolName": "WIPtask-harriri_boldSENSE",
    "PulseSequenceType": "gradient echo EPI",
    "ReconMatrixPE": 80,
    "RepetitionTime": 2,
    "SeriesDescription": "ImageMRSERIES",
    "SeriesNumber": 8,
    "SliceEncodingDirection": "k",
    "SliceTiming": [
      0.0,
      0.0556,
      0.1111,
      0.1667,
      0.2222,
      0.2778,
      0.3333,
      0.3889,
      0.4444,
      0.5,
      0.5556,
      0.6111,
      0.6667,
      0.7222,
      0.7778,
      0.8333,
      0.8889,
      0.9444,
      1.0,
      1.0556,
      1.1111,
      1.1667,
      1.2222,
      1.2778,
      1.3333,
      1.3889,
      1.4444,
      1.5,
      1.5556,
      1.6111,
      1.6667,
      1.7222,
      1.7778,
      1.8333,
      1.8889,
      1.9444
    ],
    "TaskName": "emomatching",
    "TotalReadoutTime": 0.026945238983542674,
    "UsePhilipsFloatNotDisplayScaling": 1,
    "WaterFatShift": 12,
    "acq_id": "seq",
    "dataset": "ds002790",
    "modality": "bold",
    "subject_id": "0008",
    "task_id": "emomatching"
  },
  "dummy_trs": 0,
  "dvars_nstd": 22.20093940634328,
  "dvars_std": 1.368287930970149,
  "dvars_vstd": 1.0208694181343283,
  "efc": 0.4567215455363439,
  "fber": 202201.53125,
  "fd_mean": 0.14325941303897385,
  "fd_num": 19,
  "fd_perc": 14.074074074074074,
  "fwhm_avg": 1.8905036449750792,
  "fwhm_x": 1.8553966666666666,
  "fwhm_y": 2.0282233333333335,
  "fwhm_z": 1.7878909349252372,
  "gcor": 0.0184492,
  "gsr_x": -0.004785038996487856,
  "gsr_y": 0.01339520514011383,
  "provenance": {
    "md5sum": "c2dbb9e77aa55d6a9a1c31bf4003ae6d",
    "settings": {
      "fd_thres": 0.2,
      "testing": false
    },
    "software": "mriqc",
    "version": "22.0.0rc1",
    "webapi_port": null,
    "webapi_url": "https://mriqc.nimh.nih.gov/api/v1"
  },
  "size_t": 135,
  "size_x": 80,
  "size_y": 80,
  "size_z": 36,
  "snr": 5.967950355822728,
  "spacing_tr": 2.0,
  "spacing_x": 3.0,
  "spacing_y": 3.0,
  "spacing_z": 3.299999952316284,
  "summary_bg_k": 54.01298059384063,
  "summary_bg_mad": 65.65961800974823,
  "summary_bg_mean": 738.0147705078125,
  "summary_bg_median": 57.58921813964844,
  "summary_bg_n": 149921.0,
  "summary_bg_p05": 4.731563568115234,
  "summary_bg_p95": 4011.93505859375,
  "summary_bg_stdv": 2144.87451171875,
  "summary_fg_k": 1.9471694663056809,
  "summary_fg_mad": 3999.6669693138233,
  "summary_fg_mean": 26567.21875,
  "summary_fg_median": 26111.69921875,
  "summary_fg_n": 39773.0,
  "summary_fg_p05": 20474.350390625,
  "summary_fg_p95": 33981.895312500004,
  "summary_fg_stdv": 4375.26611328125,
  "tsnr": 83.81875610351562
}