{
  "aor": 0.004989125,
  "aqi": 0.0045007705416666675,
  "bids_meta": {
    "AcquisitionNumber": 4,
    "BidsifyVersion": "0.3.5",
    "ConversionSoftware": "dcm2niix",
    "ConversionSoftwareVersion": "v1.0.20181125  GCC6.3.0",
    "EchoTime": 0.02763,
    "EffectiveEchoSpacing": 0.0006909035636805814,
    "FlipAngle": 76.1,
    "ImageComments": "PIOP2",
    "ImageOrientationPatientDICOM": [
      0.998014,
      0.0445904,
      -0.0444912,
      -0.0516051,
      0.983818,
      -0.17158
    ],
    "Manufacturer": "Philips",
    "NumberOfVolumesDiscardedByScanner": 2,
    "ParallelAcquisitionTechnique": "SENSE",
    "ParallelReductionFactorInPlane": 2,
    "PatientPosition": "HFS",
    "PhaseEncodingDirection": "j",
    "PhilipsRescaleIntercept": 0,
    "PhilipsRescaleSlope": 0.78315,
    "PhilipsScaleSlope": 0.0582789,
    "ProtocolName": "WIPtask-rest_boldSENSE",
    "PulseSequenceType": "gradient echo EPI",
    "ReconMatrixPE": 80,
    "RepetitionTime": 2,
    "SeriesDescription": "ImageMRSERIES",
    "SeriesNumber": 4,
    "SliceEncodingDirection": "k",
    "SliceTiming": [
      0.0,
      0.0556,
      0.1111,
      0.1667,
      0.2222,
      0.2778,
      0.3333,
      0.3889,
      0.4444,
      0.5,
      0.5556,
      0.6111,
      0.6667,
      0.7222,
      0.7778,
      0.8333,
      0.8889,
      0.9444,
      1.0,
      1.0556,
      1.1111,
      1.1667,
      1.2222,
      1.2778,
      1.3333,
      1.3889,
      1.4444,
      1.5,
      1.5556,
      1.6111,
      1.6667,
      1.7222,
      1.7778,
      1.8333,
      1.8889,
      1.9444
    ],
    "TaskName": "restingstate",
    "TotalReadoutTime": 0.026945238983542674,
    "UsePhilipsFloatNotDisplayScaling": 1,
    "WaterFatShift": 12,
    "acq_id": "seq",
    "dataset": "ds002790",
    "modality": "bold",
    "subject_id": "0025",
    "task_id": "restingstate"
  },
  "dummy_trs": 0,
  "dvars_nstd": 18.963028201589957,
  "dvars_std": 1.248808369246862,
  "dvars_vstd": 1.049929564267782,
  "efc": 0.43282224263206,
  "fber": 235221.640625,
  "fd_mean": 0.14750148100754562,
  "fd_num": 39,
  "fd_perc": 16.25,
  "fwhm_avg": 1.951579200707562,
  "fwhm_x": 1.8887166666666666,
  "fwhm_y": 2.1413966666666666,
  "fwhm_z": 1.824624268789353,
  "gcor": 0.077863,
  "gsr_x": -0.017063625156879425,
  "gsr_y": 0.01821752078831196,
  "provenance": {
    "md5sum": "acc2584b94b3cb854d9dc2d89dbdd3c4",
    "settings": {
      "fd_thres": 0.2,
      "testing": false
    },
    "software": "mriqc",
    "version": "22.0.0rc1",
    "webapi_port": null,
    "webapi_url": "https://mriqc.nimh.nih.gov/api/v1"
  },
  "size_t": 240,
  "size_x": 80,
  "size_y": 80,
  "size_z": 36,
  "snr": 5.843804888447358,
  "spacing_tr": 2.0,
  "spacing_x": 3.0,
  "spacing_y": 3.0,
  "spacing_z": 3.299999952316284,
  "summary_bg_k": 90.33190383320361,
  "summary_bg_mad": 55.939982219915244,
  "summary_bg_mean": 561.7734985351562,
  "summary_bg_median": 50.89893341064453,
  "summary_bg_n": 153657.0,
  "summary_bg_p05": 4.100148868560791,
  "summary_bg_p95": 2978.26743164062,
  "summary_bg_stdv": 1658.350341796875,
  "summary_fg_k": 1.0826374592068744,
  "summary_fg_mad": 4213.064682578786,
  "summary_fg_mean": 25763.634765625,
  "summary_fg_median": 25400.08203125,
  "summary_fg_n": 36062.0,
  "summary_fg_p05": 19386.088671875,
  "summary_fg_p95": 32928.541210937496,
  "summary_fg_stdv": 4346.43701171875,
  "tsnr": 83.96337127685547
}