{
  "aor": 0.006280592592592592,
  "aqi": 0.003913791407407407,
  "bids_meta": {
    "AcquisitionNumber": 8,
    "BidsifyVersion": "0.3.5",
    "ConversionSoftware": "dcm2niix",
    "ConversionSoftwareVersion": "v1.0.20181125  GCC6.3.0",
    "EchoTime": 0.02763,
    "EffectiveEchoSpacing": 0.0006909035636805814,
    "FlipAngle": 76.1,
    "ImageComments": "PIOP2",
    "ImageOrientationPatientDICOM": [
      0.998014,
      0.0445904,
      -0.0444912,
      -0.0516051,
      0.983818,
      -0.17158
    ],
    "Manufacturer": "Philips",
    "NumberOfVolumesDiscardedByScanner": 2,
    "ParallelAcquisitionTechnique": "SENSE",
    "ParallelReductionFactorInPlane": 2,
    "PatientPosition": "HFS",
    "PhaseEncodingDirection": "j",
    "PhilipsRescaleIntercept": 0,
    "PhilipsRescaleSlope": 0.842,
    "PhilipsScaleSlope": 0.0558675,
    "ProtocolName": "WIPtask-harriri_boldSENSE",
    "PulseSequenceType": "gradient echo EPI",
    "ReconMatrixPE": 80,
    "RepetitionTime": 2,
    "SeriesDescription": "ImageMRSERIES",
    "SeriesNumber": 8,
    "SliceEncodingDirection": "k",
    "SliceTiming": [
      0.0,
      0.0556,
      0.1111,
      0.1667,
      0.2222,
      0.2778,
      0.3333,
      0.3889,
      0.4444,
      0.5,
      0.5556,
      0.6111,
      0.6667,
      0.7222,
      0.7778,
      0.8333,
      0.8889,
      0.9444,
      1.0,
      1.0556,
      1.1111,
      1.1667,
      1.2222,
      1.2778,
      1.3333,
      1.3889,
      1.4444,
      1.5,
      1.5556,
      1.6111,
      1.6667,
      1.7222,
      1.7778,
      1.8333,
      1.8889,
      1.9444
    ],
    "TaskName": "emomatching",
    "TotalReadoutTime": 0.026945238983542674,
    "UsePhilipsFloatNotDisplayScaling": 1,
    "WaterFatShift": 12,
    "acq_id": "seq",
    "dataset": "ds002790",
    "modality": "bold",
    "subject_id": "0025",
    "task_id": "emomatching"
  },
  "dummy_trs": 0,
  "dvars_nstd": 18.654603011641797,
  "dvars_std": 1.2381549276865673,
  "dvars_vstd": 1.0473646552985074,
  "efc": 0.433233095765907,
  "fber": 237962.015625,
  "fd_mean": 0.13552388813235733,
  "fd_num": 16,
  "fd_perc": 11.851851851851851,
  "fwhm_avg": 1.9486906148561571,
  "fwhm_x": 1.8920533333333334,
  "fwhm_y": 2.1279033333333333,
  "fwhm_z": 1.8261151779018052,
  "gcor": 0.075694,
  "gsr_x": -0.01687600277364254,
  "gsr_y": 0.017776085063815117,
  "provenance": {
    "md5sum": "1189c4e7c3b9224031b52a14118d0bd0",
    "settings": {
      "fd_thres": 0.2,
      "testing": false
    },
    "software": "mriqc",
    "version": "22.0.0rc1",
    "webapi_port": null,
    "webapi_url": "https://mriqc.nimh.nih.gov/api/v1"
  },
  "size_t": 135,
  "size_x": 80,
  "size_y": 80,
  "size_z": 36,
  "snr": 5.887067814722718,
  "spacing_tr": 2.0,
  "spacing_x": 3.0,
  "spacing_y": 3.0,
  "spacing_z": 3.299999952316284,
  "summary_bg_k": 79.87614453650227,
  "summary_bg_mad": 54.88471459509463,
  "summary_bg_mean": 554.62841796875,
  "summary_bg_median": 49.943031311035156,
  "summary_bg_n": 153499.0,
  "summary_bg_p05": 3.9123036146163948,
  "summary_bg_p95": 2982.0625976562505,
  "summary_bg_stdv": 1611.7640380859375,
  "summary_fg_k": 1.2332882655416118,
  "summary_fg_mad": 4102.340068652795,
  "summary_fg_mean": 25373.68359375,
  "summary_fg_median": 25016.84375,
  "summary_fg_n": 36050.0,
  "summary_fg_p05": 19172.43056640625,
  "summary_fg_p95": 32381.82128906249,
  "summary_fg_stdv": 4249.3984375,
  "tsnr": 88.19908142089844
}