{
  "aor": 0.0039834070796460185,
  "aqi": 0.0036921915044247793,
  "bids_meta": {
    "AcquisitionNumber": 7,
    "BidsifyVersion": "0.3.5",
    "ConversionSoftware": "dcm2niix",
    "ConversionSoftwareVersion": "v1.0.20181125  GCC6.3.0",
    "EchoTime": 0.02763,
    "EffectiveEchoSpacing": 0.0006909035636805814,
    "FlipAngle": 76.1,
    "ImageComments": "PIOP2",
    "ImageOrientationPatientDICOM": [
      0.998014,
      0.0445904,
      -0.0444912,
      -0.0516051,
      0.983818,
      -0.17158
    ],
    "Manufacturer": "Philips",
    "NumberOfVolumesDiscardedByScanner": 2,
    "ParallelAcquisitionTechnique": "SENSE",
    "ParallelReductionFactorInPlane": 2,
    "PatientPosition": "HFS",
    "PhaseEncodingDirection": "j",
    "PhilipsRescaleIntercept": 0,
    "PhilipsRescaleSlope": 0.81099,
    "PhilipsScaleSlope": 0.0586314,
    "ProtocolName": "WIPtask-stop_boldSENSE",
    "PulseSequenceType": "gradient echo EPI",
    "ReconMatrixPE": 80,
    "RepetitionTime": 2,
    "SeriesDescription": "ImageMRSERIES",
    "SeriesNumber": 7,
    "SliceEncodingDirection": "k",
    "SliceTiming": [
      0.0,
      0.0556,
      0.1111,
      0.1667,
      0.2222,
      0.2778,
      0.3333,
      0.3889,
      0.4444,
      0.5,
      0.5556,
      0.6111,
      0.6667,
      0.7222,
      0.7778,
      0.8333,
      0.8889,
      0.9444,
      1.0,
      1.0556,
      1.1111,
      1.1667,
      1.2222,
      1.2778,
      1.3333,
      1.3889,
      1.4444,
      1.5,
      1.5556,
      1.6111,
      1.6667,
      1.7222,
      1.7778,
      1.8333,
      1.8889,
      1.9444
    ],
    "TaskName": "stopsignal",
    "TotalReadoutTime": 0.026945238983542674,
    "UsePhilipsFloatNotDisplayScaling": 1,
    "WaterFatShift": 12,
    "acq_id": "seq",
    "dataset": "ds002790",
    "modality": "bold",
    "subject_id": "0025",
    "task_id": "stopsignal"
  },
  "dummy_trs": 0,
  "dvars_nstd": 17.68666058413333,
  "dvars_std": 1.2118715967555556,
  "dvars_vstd": 1.0318374125777776,
  "efc": 0.4320360854173546,
  "fber": 241944.46875,
  "fd_mean": 0.13114309122162196,
  "fd_num": 27,
  "fd_perc": 11.946902654867257,
  "fwhm_avg": 1.9464517257410519,
  "fwhm_x": 1.9059266666666668,
  "fwhm_y": 2.15428,
  "fwhm_z": 1.7791485105564886,
  "gcor": 0.0623775,
  "gsr_x": -0.016824154183268547,
  "gsr_y": 0.01771186664700508,
  "provenance": {
    "md5sum": "e4020785bd25505cc160e8d5655d4975",
    "settings": {
      "fd_thres": 0.2,
      "testing": false
    },
    "software": "mriqc",
    "version": "22.0.0rc1",
    "webapi_port": null,
    "webapi_url": "https://mriqc.nimh.nih.gov/api/v1"
  },
  "size_t": 226,
  "size_x": 80,
  "size_y": 80,
  "size_z": 36,
  "snr": 5.842694943234072,
  "spacing_tr": 2.0,
  "spacing_x": 3.0,
  "spacing_y": 3.0,
  "spacing_z": 3.299999952316284,
  "summary_bg_k": 86.75506913222324,
  "summary_bg_mad": 54.99712120784486,
  "summary_bg_mean": 554.3872680664062,
  "summary_bg_median": 50.43254852294922,
  "summary_bg_n": 153677.0,
  "summary_bg_p05": 4.362051296234131,
  "summary_bg_p95": 3025.7709960937477,
  "summary_bg_stdv": 1610.5404052734375,
  "summary_fg_k": 1.184115929940309,
  "summary_fg_mad": 4151.884175405767,
  "summary_fg_mean": 25574.69140625,
  "summary_fg_median": 25191.0390625,
  "summary_fg_n": 35874.0,
  "summary_fg_p05": 19274.38583984375,
  "summary_fg_p95": 32727.11396484375,
  "summary_fg_stdv": 4311.484375,
  "tsnr": 86.3098373413086
}