{
  "aor": 0.0035554375,
  "aqi": 0.0035566191875,
  "bids_meta": {
    "AcquisitionNumber": 3,
    "BidsifyVersion": "0.3.5",
    "ConversionSoftware": "dcm2niix",
    "ConversionSoftwareVersion": "v1.0.20181125  GCC6.3.0",
    "EchoTime": 0.02763,
    "EffectiveEchoSpacing": 0.0006909035636805814,
    "FlipAngle": 76.1,
    "ImageComments": "PIOP2",
    "ImageOrientationPatientDICOM": [
      0.998014,
      0.0445904,
      -0.0444912,
      -0.0516051,
      0.983818,
      -0.17158
    ],
    "Manufacturer": "Philips",
    "NumberOfVolumesDiscardedByScanner": 2,
    "ParallelAcquisitionTechnique": "SENSE",
    "ParallelReductionFactorInPlane": 2,
    "PatientPosition": "HFS",
    "PhaseEncodingDirection": "j",
    "PhilipsRescaleIntercept": 0,
    "PhilipsRescaleSlope": 0.77973,
    "PhilipsScaleSlope": 0.0559363,
    "ProtocolName": "WIPtask-wm_boldSENSE",
    "PulseSequenceType": "gradient echo EPI",
    "ReconMatrixPE": 80,
    "RepetitionTime": 2,
    "SeriesDescription": "ImageMRSERIES",
    "SeriesNumber": 3,
    "SliceEncodingDirection": "k",
    "SliceTiming": [
      0.0,
      0.0556,
      0.1111,
      0.1667,
      0.2222,
      0.2778,
      0.3333,
      0.3889,
      0.4444,
      0.5,
      0.5556,
      0.6111,
      0.6667,
      0.7222,
      0.7778,
      0.8333,
      0.8889,
      0.9444,
      1.0,
      1.0556,
      1.1111,
      1.1667,
      1.2222,
      1.2778,
      1.3333,
      1.3889,
      1.4444,
      1.5,
      1.5556,
      1.6111,
      1.6667,
      1.7222,
      1.7778,
      1.8333,
      1.8889,
      1.9444
    ],
    "TaskName": "workingmemory",
    "TotalReadoutTime": 0.026945238983542674,
    "UsePhilipsFloatNotDisplayScaling": 1,
    "WaterFatShift": 12,
    "acq_id": "seq",
    "dataset": "ds002790",
    "modality": "bold",
    "subject_id": "0025",
    "task_id": "workingmemory"
  },
  "dummy_trs": 0,
  "dvars_nstd": 17.843066905283013,
  "dvars_std": 1.2257307594968543,
  "dvars_vstd": 1.0215662805660373,
  "efc": 0.4320691629255238,
  "fber": 235944.46875,
  "fd_mean": 0.12145509596522255,
  "fd_num": 9,
  "fd_perc": 5.625,
  "fwhm_avg": 1.968168796722446,
  "fwhm_x": 1.91068,
  "fwhm_y": 2.157723333333333,
  "fwhm_z": 1.836103056834005,
  "gcor": 0.0160505,
  "gsr_x": -0.017038092017173767,
  "gsr_y": 0.017489595338702202,
  "provenance": {
    "md5sum": "ec4436ceb74782932690d2486cca1bb2",
    "settings": {
      "fd_thres": 0.2,
      "testing": false
    },
    "software": "mriqc",
    "version": "22.0.0rc1",
    "webapi_port": null,
    "webapi_url": "https://mriqc.nimh.nih.gov/api/v1"
  },
  "size_t": 160,
  "size_x": 80,
  "size_y": 80,
  "size_z": 36,
  "snr": 5.794557023117831,
  "spacing_tr": 2.0,
  "spacing_x": 3.0,
  "spacing_y": 3.0,
  "spacing_z": 3.299999952316284,
  "summary_bg_k": 87.17899771053033,
  "summary_bg_mad": 57.20957037246,
  "summary_bg_mean": 563.5054931640625,
  "summary_bg_median": 52.2191047668457,
  "summary_bg_n": 153705.0,
  "summary_bg_p05": 4.152719020843507,
  "summary_bg_p95": 2988.55502929687,
  "summary_bg_stdv": 1652.7227783203125,
  "summary_fg_k": 1.1052382314040718,
  "summary_fg_mad": 4325.118426228009,
  "summary_fg_mean": 26268.412109375,
  "summary_fg_median": 25881.171875,
  "summary_fg_n": 35934.0,
  "summary_fg_p05": 19724.37646484375,
  "summary_fg_p95": 33620.3513671875,
  "summary_fg_stdv": 4466.400390625,
  "tsnr": 91.97061157226562
}