{
  "aor": 0.002276625,
  "aqi": 0.0025936896875,
  "bids_meta": {
    "AcquisitionNumber": 3,
    "BidsifyVersion": "0.3.5",
    "ConversionSoftware": "dcm2niix",
    "ConversionSoftwareVersion": "v1.0.20181125  GCC6.3.0",
    "EchoTime": 0.02763,
    "EffectiveEchoSpacing": 0.0006909035636805814,
    "FlipAngle": 76.1,
    "ImageComments": "PIOP2",
    "ImageOrientationPatientDICOM": [
      0.999561,
      -0.00986477,
      -0.0279434,
      0.00942092,
      0.999828,
      -0.0159714
    ],
    "Manufacturer": "Philips",
    "NumberOfVolumesDiscardedByScanner": 2,
    "ParallelAcquisitionTechnique": "SENSE",
    "ParallelReductionFactorInPlane": 2,
    "PatientPosition": "HFS",
    "PhaseEncodingDirection": "j",
    "PhilipsRescaleIntercept": 0,
    "PhilipsRescaleSlope": 0.75092,
    "PhilipsScaleSlope": 0.0527894,
    "ProtocolName": "WIPtask-wm_boldSENSE",
    "PulseSequenceType": "gradient echo EPI",
    "ReconMatrixPE": 80,
    "RepetitionTime": 2,
    "SeriesDescription": "ImageMRSERIES",
    "SeriesNumber": 3,
    "SliceEncodingDirection": "k",
    "SliceTiming": [
      0.0,
      0.0556,
      0.1111,
      0.1667,
      0.2222,
      0.2778,
      0.3333,
      0.3889,
      0.4444,
      0.5,
      0.5556,
      0.6111,
      0.6667,
      0.7222,
      0.7778,
      0.8333,
      0.8889,
      0.9444,
      1.0,
      1.0556,
      1.1111,
      1.1667,
      1.2222,
      1.2778,
      1.3333,
      1.3889,
      1.4444,
      1.5,
      1.5556,
      1.6111,
      1.6667,
      1.7222,
      1.7778,
      1.8333,
      1.8889,
      1.9444
    ],
    "TaskName": "workingmemory",
    "TotalReadoutTime": 0.026945238983542674,
    "UsePhilipsFloatNotDisplayScaling": 1,
    "WaterFatShift": 12,
    "acq_id": "seq",
    "dataset": "ds002790",
    "modality": "bold",
    "subject_id": "0001",
    "task_id": "workingmemory"
  },
  "dummy_trs": 0,
  "dvars_nstd": 17.01552995591195,
  "dvars_std": 1.1724459609433964,
  "dvars_vstd": 1.0074506598113215,
  "efc": 0.45706566696006146,
  "fber": 168990.3125,
  "fd_mean": 0.12425442229498598,
  "fd_num": 15,
  "fd_perc": 9.375,
  "fwhm_avg": 1.9670342511508734,
  "fwhm_x": 1.9641566666666668,
  "fwhm_y": 2.12514,
  "fwhm_z": 1.8118060867859536,
  "gcor": 0.0340162,
  "gsr_x": -0.006833828054368496,
  "gsr_y": 0.014647458679974079,
  "provenance": {
    "md5sum": "3fd77ab135e83912a58506699af54b05",
    "settings": {
      "fd_thres": 0.2,
      "testing": false
    },
    "software": "mriqc",
    "version": "22.0.0rc1",
    "webapi_port": null,
    "webapi_url": "https://mriqc.nimh.nih.gov/api/v1"
  },
  "size_t": 160,
  "size_x": 80,
  "size_y": 80,
  "size_z": 36,
  "snr": 5.6806694467756955,
  "spacing_tr": 2.0,
  "spacing_x": 3.0,
  "spacing_y": 3.0,
  "spacing_z": 3.299999952316284,
  "summary_bg_k": 35.914525890214136,
  "summary_bg_mad": 75.66585390018324,
  "summary_bg_mean": 838.0819091796875,
  "summary_bg_median": 65.01713562011719,
  "summary_bg_n": 150268.0,
  "summary_bg_p05": 6.496141266822815,
  "summary_bg_p95": 4471.378808593741,
  "summary_bg_stdv": 2262.228759765625,
  "summary_fg_k": 1.6492303910034103,
  "summary_fg_mad": 4424.221118271243,
  "summary_fg_mean": 27432.169921875,
  "summary_fg_median": 26966.796875,
  "summary_fg_n": 38401.0,
  "summary_fg_p05": 20603.36328125,
  "summary_fg_p95": 35396.62109375,
  "summary_fg_stdv": 4747.05419921875,
  "tsnr": 103.69025421142578
}