{
  "aor": 0.0019264375,
  "aqi": 0.0053646254375,
  "bids_meta": {
    "AcquisitionNumber": 3,
    "BidsifyVersion": "0.3.5",
    "ConversionSoftware": "dcm2niix",
    "ConversionSoftwareVersion": "v1.0.20181125  GCC6.3.0",
    "EchoTime": 0.02763,
    "EffectiveEchoSpacing": 0.0006909035636805814,
    "FlipAngle": 76.1,
    "ImageComments": "PIOP2",
    "ImageOrientationPatientDICOM": [
      0.99835,
      0.0292927,
      -0.049384,
      -0.0264915,
      0.998054,
      0.0564543
    ],
    "Manufacturer": "Philips",
    "NumberOfVolumesDiscardedByScanner": 2,
    "ParallelAcquisitionTechnique": "SENSE",
    "ParallelReductionFactorInPlane": 2,
    "PatientPosition": "HFS",
    "PhaseEncodingDirection": "j",
    "PhilipsRescaleIntercept": 0,
    "PhilipsRescaleSlope": 0.8022,
    "PhilipsScaleSlope": 0.0528159,
    "ProtocolName": "WIPtask-wm_boldSENSE",
    "PulseSequenceType": "gradient echo EPI",
    "ReconMatrixPE": 80,
    "RepetitionTime": 2,
    "SeriesDescription": "ImageMRSERIES",
    "SeriesNumber": 3,
    "SliceEncodingDirection": "k",
    "SliceTiming": [
      0.0,
      0.0556,
      0.1111,
      0.1667,
      0.2222,
      0.2778,
      0.3333,
      0.3889,
      0.4444,
      0.5,
      0.5556,
      0.6111,
      0.6667,
      0.7222,
      0.7778,
      0.8333,
      0.8889,
      0.9444,
      1.0,
      1.0556,
      1.1111,
      1.1667,
      1.2222,
      1.2778,
      1.3333,
      1.3889,
      1.4444,
      1.5,
      1.5556,
      1.6111,
      1.6667,
      1.7222,
      1.7778,
      1.8333,
      1.8889,
      1.9444
    ],
    "TaskName": "workingmemory",
    "TotalReadoutTime": 0.026945238983542674,
    "UsePhilipsFloatNotDisplayScaling": 1,
    "WaterFatShift": 12,
    "acq_id": "seq",
    "dataset": "ds002790",
    "modality": "bold",
    "subject_id": "0062",
    "task_id": "workingmemory"
  },
  "dummy_trs": 0,
  "dvars_nstd": 19.437000514779882,
  "dvars_std": 1.236534785220126,
  "dvars_vstd": 0.9754347642138365,
  "efc": 0.4233649999570503,
  "fber": 224225.15625,
  "fd_mean": 0.10467872985444028,
  "fd_num": 7,
  "fd_perc": 4.375,
  "fwhm_avg": 2.0104077868465144,
  "fwhm_x": 1.9630533333333335,
  "fwhm_y": 2.1853366666666667,
  "fwhm_z": 1.8828333605395426,
  "gcor": 0.00962929,
  "gsr_x": -0.016384944319725037,
  "gsr_y": 0.013939740136265755,
  "provenance": {
    "md5sum": "2b7dcaab6d6ffa0432bd73d98f2f0deb",
    "settings": {
      "fd_thres": 0.2,
      "testing": false
    },
    "software": "mriqc",
    "version": "22.0.0rc1",
    "webapi_port": null,
    "webapi_url": "https://mriqc.nimh.nih.gov/api/v1"
  },
  "size_t": 160,
  "size_x": 80,
  "size_y": 80,
  "size_z": 36,
  "snr": 6.034600218891955,
  "spacing_tr": 2.0,
  "spacing_x": 3.0,
  "spacing_y": 3.0,
  "spacing_z": 3.299999952316284,
  "summary_bg_k": 83.95742940985357,
  "summary_bg_mad": 54.47916143372936,
  "summary_bg_mean": 583.800537109375,
  "summary_bg_median": 55.35431671142578,
  "summary_bg_n": 155627.0,
  "summary_bg_p05": 5.8682704925537115,
  "summary_bg_p95": 2797.3315429687336,
  "summary_bg_stdv": 1910.9969482421875,
  "summary_fg_k": 2.66160154225365,
  "summary_fg_mad": 3932.16223705249,
  "summary_fg_mean": 26926.5625,
  "summary_fg_median": 26614.185546875,
  "summary_fg_n": 34601.0,
  "summary_fg_p05": 20242.619140625,
  "summary_fg_p95": 34092.609375,
  "summary_fg_stdv": 4410.201171875,
  "tsnr": 88.79073333740234
}