{
  "aor": 0.0017974774774774773,
  "aqi": 0.004251301306306307,
  "bids_meta": {
    "AcquisitionNumber": 7,
    "BidsifyVersion": "0.3.5",
    "ConversionSoftware": "dcm2niix",
    "ConversionSoftwareVersion": "v1.0.20181125  GCC6.3.0",
    "EchoTime": 0.02763,
    "EffectiveEchoSpacing": 0.0006909035636805814,
    "FlipAngle": 76.1,
    "ImageComments": "PIOP2",
    "ImageOrientationPatientDICOM": [
      0.99835,
      0.0292927,
      -0.049384,
      -0.0264915,
      0.998054,
      0.0564543
    ],
    "Manufacturer": "Philips",
    "NumberOfVolumesDiscardedByScanner": 2,
    "ParallelAcquisitionTechnique": "SENSE",
    "ParallelReductionFactorInPlane": 2,
    "PatientPosition": "HFS",
    "PhaseEncodingDirection": "j",
    "PhilipsRescaleIntercept": 0,
    "PhilipsRescaleSlope": 0.77338,
    "PhilipsScaleSlope": 0.0573008,
    "ProtocolName": "WIPtask-stop_boldSENSE",
    "PulseSequenceType": "gradient echo EPI",
    "ReconMatrixPE": 80,
    "RepetitionTime": 2,
    "SeriesDescription": "ImageMRSERIES",
    "SeriesNumber": 7,
    "SliceEncodingDirection": "k",
    "SliceTiming": [
      0.0,
      0.0556,
      0.1111,
      0.1667,
      0.2222,
      0.2778,
      0.3333,
      0.3889,
      0.4444,
      0.5,
      0.5556,
      0.6111,
      0.6667,
      0.7222,
      0.7778,
      0.8333,
      0.8889,
      0.9444,
      1.0,
      1.0556,
      1.1111,
      1.1667,
      1.2222,
      1.2778,
      1.3333,
      1.3889,
      1.4444,
      1.5,
      1.5556,
      1.6111,
      1.6667,
      1.7222,
      1.7778,
      1.8333,
      1.8889,
      1.9444
    ],
    "TaskName": "stopsignal",
    "TotalReadoutTime": 0.026945238983542674,
    "UsePhilipsFloatNotDisplayScaling": 1,
    "WaterFatShift": 12,
    "acq_id": "seq",
    "dataset": "ds002790",
    "modality": "bold",
    "subject_id": "0062",
    "task_id": "stopsignal"
  },
  "dummy_trs": 0,
  "dvars_nstd": 19.64688347669684,
  "dvars_std": 1.315405647104072,
  "dvars_vstd": 1.0081754096832574,
  "efc": 0.42549135235019103,
  "fber": 215932.328125,
  "fd_mean": 0.11993106990987051,
  "fd_num": 20,
  "fd_perc": 9.00900900900901,
  "fwhm_avg": 2.022554251650027,
  "fwhm_x": 1.97277,
  "fwhm_y": 2.1794533333333335,
  "fwhm_z": 1.915439421616748,
  "gcor": 0.0318969,
  "gsr_x": -0.01700635999441147,
  "gsr_y": 0.013923268765211105,
  "provenance": {
    "md5sum": "a334c5db3e4d410012c2f54fd14dd5df",
    "settings": {
      "fd_thres": 0.2,
      "testing": false
    },
    "software": "mriqc",
    "version": "22.0.0rc1",
    "webapi_port": null,
    "webapi_url": "https://mriqc.nimh.nih.gov/api/v1"
  },
  "size_t": 222,
  "size_x": 80,
  "size_y": 80,
  "size_z": 36,
  "snr": 6.166848187634853,
  "spacing_tr": 2.0,
  "spacing_x": 3.0,
  "spacing_y": 3.0,
  "spacing_z": 3.299999952316284,
  "summary_bg_k": 86.49903028869278,
  "summary_bg_mad": 55.56648261717952,
  "summary_bg_mean": 600.67919921875,
  "summary_bg_median": 56.11859130859375,
  "summary_bg_n": 155519.0,
  "summary_bg_p05": 5.887036657333375,
  "summary_bg_p95": 2912.4746337890624,
  "summary_bg_stdv": 1944.08251953125,
  "summary_fg_k": 2.493313912076357,
  "summary_fg_mad": 3870.4228583400727,
  "summary_fg_mean": 26739.92578125,
  "summary_fg_median": 26462.0859375,
  "summary_fg_n": 34704.0,
  "summary_fg_p05": 20277.11162109375,
  "summary_fg_p95": 33720.7181640625,
  "summary_fg_stdv": 4290.9609375,
  "tsnr": 98.09208679199219
}