{
  "bids_meta": {
    "AcquisitionNumber": 2,
    "BidsifyVersion": "0.3.5",
    "ConversionSoftware": "dcm2niix",
    "ConversionSoftwareVersion": "v1.0.20181125  GCC6.3.0",
    "EchoTime": 0.00381,
    "ImageComments": "PIOP2",
    "ImageOrientationPatientDICOM": [
      0.99532,
      0.09204,
      -0.0294456,
      -0.0942607,
      0.991828,
      -0.0859796
    ],
    "Manufacturer": "Philips",
    "PatientPosition": "HFS",
    "PhilipsRescaleIntercept": 0,
    "PhilipsRescaleSlope": 8.61856,
    "PhilipsScaleSlope": 0.00658055,
    "ProtocolName": "WIPT1anat_acq-6m_T1wSENSE",
    "ReconMatrixPE": 240,
    "RepetitionTime": 0.00826,
    "SeriesDescription": "ImageMRSERIES",
    "SeriesNumber": 2,
    "UsePhilipsFloatNotDisplayScaling": 1,
    "dataset": "ds002790",
    "modality": "T1w",
    "subject_id": "0209"
  },
  "cjv": 0.24721206615493455,
  "cnr": 5.281638933516383,
  "efc": 0.7553059695915848,
  "fber": -1.0,
  "fwhm_avg": 5.045796251841833,
  "fwhm_x": 4.69798,
  "fwhm_y": 5.104209391530825,
  "fwhm_z": 5.335199363994675,
  "icvs_csf": 0.24177542772769495,
  "icvs_gm": 0.4218985455007748,
  "icvs_wm": 0.33632602677153023,
  "inu_med": 0.5267365574836731,
  "inu_range": 0.1662801444530485,
  "provenance": {
    "md5sum": "7117ea08770b163a2bc3b2376ded252a",
    "settings": {
      "testing": false
    },
    "software": "mriqc",
    "version": "23.0.1",
    "warnings": {
      "large_rot_frame": true,
      "small_air_mask": true
    },
    "webapi_port": null,
    "webapi_url": "https://mriqc.nimh.nih.gov/api/v1"
  },
  "qi_1": 0.0007682950252897113,
  "qi_2": 0.00013179367470461767,
  "rpve_csf": 19.198408176892375,
  "rpve_gm": 11.341694946136151,
  "rpve_wm": 17.62518046560476,
  "size_x": 240,
  "size_y": 240,
  "size_z": 220,
  "snr_csf": 1.4632114509650977,
  "snr_gm": 9.452741472234692,
  "snr_total": 13.499256173791546,
  "snr_wm": 29.581815598174853,
  "snrd_csf": 29.479060657705475,
  "snrd_gm": 145.55966784915574,
  "snrd_total": 137.45659916763574,
  "snrd_wm": 237.33106899604604,
  "spacing_x": 1.0,
  "spacing_y": 1.0000001192092896,
  "spacing_z": 1.0000001192092896,
  "summary_bg_k": 83.14401590909469,
  "summary_bg_mad": 0.0,
  "summary_bg_mean": 0.5491830380877178,
  "summary_bg_median": 0.0,
  "summary_bg_n": 96608.0,
  "summary_bg_p05": 0.0,
  "summary_bg_p95": 4.536913692578546,
  "summary_bg_stdv": 2.760432553527774,
  "summary_csf_k": 1.3003810857957632,
  "summary_csf_mad": 67.19959675103392,
  "summary_csf_mean": 145.32513447349677,
  "summary_csf_median": 124.21071197837591,
  "summary_csf_n": 56960.0,
  "summary_csf_p05": 39.677511513233185,
  "summary_csf_p95": 318.86320864520957,
  "summary_csf_stdv": 84.88836084413502,
  "summary_gm_k": 0.20506515648701118,
  "summary_gm_mad": 65.175024662849,
  "summary_gm_mean": 614.3735770784541,
  "summary_gm_median": 613.3190670087934,
  "summary_gm_n": 51241.0,
  "summary_gm_p05": 510.3891348838806,
  "summary_gm_p95": 719.5481754764915,
  "summary_gm_stdv": 64.88203280809564,
  "summary_wm_k": 0.728655123718406,
  "summary_wm_mad": 30.417171052890264,
  "summary_wm_mean": 1000.1847880679968,
  "summary_wm_median": 1000.0000134631991,
  "summary_wm_n": 244813.0,
  "summary_wm_p05": 944.7661207839847,
  "summary_wm_p95": 1056.6409720793365,
  "summary_wm_stdv": 33.804482614230864,
  "tpm_overlap_csf": 0.176872412939601,
  "tpm_overlap_gm": 0.4763077312071472,
  "tpm_overlap_wm": 0.5159908764862019,
  "wm2max": 0.8041499754023473
}