{
  "bids_meta": {
    "AcquisitionNumber": 2,
    "BidsifyVersion": "0.3.5",
    "ConversionSoftware": "dcm2niix",
    "ConversionSoftwareVersion": "v1.0.20181125  GCC6.3.0",
    "EchoTime": 0.00378,
    "ImageComments": "PIOP2",
    "ImageOrientationPatientDICOM": [
      0.999678,
      -0.0240111,
      -0.00818308,
      0.0228604,
      0.992551,
      -0.119662
    ],
    "Manufacturer": "Philips",
    "NumberSignalAcquisitions": 2,
    "PatientPosition": "HFS",
    "PhilipsRescaleIntercept": 0,
    "PhilipsRescaleSlope": 7.70501,
    "PhilipsScaleSlope": 0.00705383,
    "ProtocolName": "WIPT1anat_acq-6m_T1wSENSE",
    "ReconMatrixPE": 240,
    "RepetitionTime": 0.008233,
    "SeriesDescription": "ImageMRSERIES",
    "SeriesNumber": 2,
    "UsePhilipsFloatNotDisplayScaling": 1,
    "dataset": "ds002790",
    "modality": "T1w",
    "subject_id": "0040"
  },
  "cjv": 0.2484330589841809,
  "cnr": 4.709032655369003,
  "efc": 0.7546961287427036,
  "fber": 1633.0401611328125,
  "fwhm_avg": 4.546053333333333,
  "fwhm_x": 4.24297,
  "fwhm_y": 4.57415,
  "fwhm_z": 4.82104,
  "icvs_csf": 0.26907456029786403,
  "icvs_gm": 0.38381618394892136,
  "icvs_wm": 0.3471092557532146,
  "inu_med": 0.785189688205719,
  "inu_range": 0.21291122436523435,
  "provenance": {
    "md5sum": "f53ab9102de1759522b4a47d06b21a3f",
    "settings": {
      "testing": false
    },
    "software": "mriqc",
    "version": "22.0.0rc1",
    "warnings": {
      "large_rot_frame": true,
      "small_air_mask": true
    },
    "webapi_port": null,
    "webapi_url": "https://mriqc.nimh.nih.gov/api/v1"
  },
  "qi_1": 0.00019907731989994202,
  "qi_2": 0.00011070001489701897,
  "rpve_csf": 23.228001747494456,
  "rpve_gm": 15.372000990278275,
  "rpve_wm": 22.598227667462655,
  "size_x": 240,
  "size_y": 240,
  "size_z": 220,
  "snr_csf": 2.8152240499757344,
  "snr_gm": 9.890618286883035,
  "snr_total": 13.558370614195127,
  "snr_wm": 27.969269505726615,
  "snrd_csf": 24.079702421675293,
  "snrd_gm": 47.467418274449884,
  "snrd_total": 48.318528359526795,
  "snrd_wm": 73.4084643824552,
  "spacing_x": 1.0,
  "spacing_y": 1.0,
  "spacing_z": 1.0,
  "summary_bg_k": 10.351190554664848,
  "summary_bg_mad": 8.924525847144595,
  "summary_bg_mean": 10.124605178833008,
  "summary_bg_median": 6.134959697723389,
  "summary_bg_n": 182184.0,
  "summary_bg_p05": 0.0,
  "summary_bg_p95": 24.470935153961182,
  "summary_bg_stdv": 8.899027824401855,
  "summary_csf_k": 99.17388704105852,
  "summary_csf_mad": 89.52029836493043,
  "summary_csf_mean": 310.6195068359375,
  "summary_csf_median": 328.023193359375,
  "summary_csf_n": 17164.0,
  "summary_csf_p05": 118.78403053283691,
  "summary_csf_p95": 442.4651779174804,
  "summary_csf_stdv": 116.51422119140625,
  "summary_gm_k": 0.7511171373346612,
  "summary_gm_mad": 57.57010291801922,
  "summary_gm_mean": 651.6632690429688,
  "summary_gm_median": 646.619873046875,
  "summary_gm_n": 18128.0,
  "summary_gm_p05": 552.2626739501953,
  "summary_gm_p95": 771.1366027832029,
  "summary_gm_stdv": 65.37528991699219,
  "summary_wm_k": 1.8793479395638082,
  "summary_wm_mad": 30.220960394754663,
  "summary_wm_mean": 998.578857421875,
  "summary_wm_median": 999.9990234375,
  "summary_wm_n": 194251.0,
  "summary_wm_p05": 938.0585632324219,
  "summary_wm_p95": 1053.3646850585938,
  "summary_wm_stdv": 35.75339889526367,
  "tpm_overlap_csf": 0.16637933254241943,
  "tpm_overlap_gm": 0.43052852153778076,
  "tpm_overlap_wm": 0.5154741406440735,
  "wm2max": 0.6618726060977006
}