{
  "bids_meta": {
    "AcquisitionNumber": 2,
    "BidsifyVersion": "0.3.5",
    "ConversionSoftware": "dcm2niix",
    "ConversionSoftwareVersion": "v1.0.20181125  GCC6.3.0",
    "EchoTime": 0.00383,
    "ImageComments": "PIOP2",
    "ImageOrientationPatientDICOM": [
      0.9989,
      0.0329089,
      -0.0334051,
      -0.0385485,
      0.981912,
      -0.185374
    ],
    "Manufacturer": "Philips",
    "NumberSignalAcquisitions": 2,
    "PatientPosition": "HFS",
    "PhilipsRescaleIntercept": 0,
    "PhilipsRescaleSlope": 7.71233,
    "PhilipsScaleSlope": 0.00733362,
    "ProtocolName": "WIPT1anat_acq-6m_T1wSENSE",
    "ReconMatrixPE": 240,
    "RepetitionTime": 0.008326,
    "SeriesDescription": "ImageMRSERIES",
    "SeriesNumber": 2,
    "UsePhilipsFloatNotDisplayScaling": 1,
    "dataset": "ds002790",
    "modality": "T1w",
    "subject_id": "0125"
  },
  "cjv": 0.2656606583113128,
  "cnr": 4.632506115223632,
  "efc": 0.7571157265857782,
  "fber": 1431.2149658203125,
  "fwhm_avg": 4.466986666666666,
  "fwhm_x": 4.05216,
  "fwhm_y": 4.5938,
  "fwhm_z": 4.755,
  "icvs_csf": 0.2502257563091813,
  "icvs_gm": 0.4079336315991126,
  "icvs_wm": 0.3418406120917061,
  "inu_med": 1.389711856842041,
  "inu_range": 0.28751493692398067,
  "provenance": {
    "md5sum": "2a64afda715899140c0fefbdbb70b8ca",
    "settings": {
      "testing": false
    },
    "software": "mriqc",
    "version": "22.0.0rc1",
    "warnings": {
      "large_rot_frame": true,
      "small_air_mask": true
    },
    "webapi_port": null,
    "webapi_url": "https://mriqc.nimh.nih.gov/api/v1"
  },
  "qi_1": 0.0,
  "qi_2": 5.591135858928427e-05,
  "rpve_csf": 23.594081427376217,
  "rpve_gm": 14.412467552871346,
  "rpve_wm": 21.86886847965895,
  "size_x": 240,
  "size_y": 240,
  "size_z": 220,
  "snr_csf": 2.6383017469734904,
  "snr_gm": 9.004885020224958,
  "snr_total": 12.5386197334619,
  "snr_wm": 25.972672433187252,
  "snrd_csf": 19.12753465854479,
  "snrd_gm": 46.996205787767515,
  "snrd_total": 46.96392852911982,
  "snrd_wm": 74.76804514104717,
  "spacing_x": 1.0,
  "spacing_y": 1.0,
  "spacing_z": 1.0,
  "summary_bg_k": 17.668156565761794,
  "summary_bg_mad": 8.762210344853337,
  "summary_bg_mean": 9.75952434539795,
  "summary_bg_median": 6.094644546508789,
  "summary_bg_n": 220510.0,
  "summary_bg_p05": 0.0,
  "summary_bg_p95": 24.154858779907226,
  "summary_bg_stdv": 8.631645202636719,
  "summary_csf_k": -0.6900169031168528,
  "summary_csf_mad": 117.55368751143901,
  "summary_csf_mean": 259.9381408691406,
  "summary_csf_median": 255.8238067626953,
  "summary_csf_n": 16545.0,
  "summary_csf_p05": 116.1880126953125,
  "summary_csf_p95": 409.8035278320312,
  "summary_csf_stdv": 96.96240234375,
  "summary_gm_k": 0.4572446777492729,
  "summary_gm_mad": 65.02229655208855,
  "summary_gm_mean": 636.9251708984375,
  "summary_gm_median": 628.55712890625,
  "summary_gm_n": 23018.0,
  "summary_gm_p05": 538.3127319335938,
  "summary_gm_p95": 768.6584716796872,
  "summary_gm_stdv": 69.80027770996094,
  "summary_wm_k": 1.0241578481406481,
  "summary_wm_mad": 33.65422879509718,
  "summary_wm_mean": 998.1730346679688,
  "summary_wm_median": 999.995361328125,
  "summary_wm_n": 193022.0,
  "summary_wm_p05": 930.6097839355468,
  "summary_wm_p95": 1057.8899536132812,
  "summary_wm_stdv": 38.50172805786133,
  "tpm_overlap_csf": 0.17165473103523254,
  "tpm_overlap_gm": 0.4444752633571625,
  "tpm_overlap_wm": 0.5027523040771484,
  "wm2max": 0.649004503812839
}