{
  "bids_meta": {
    "AcquisitionNumber": 2,
    "BidsifyVersion": "0.3.5",
    "ConversionSoftware": "dcm2niix",
    "ConversionSoftwareVersion": "v1.0.20181125  GCC6.3.0",
    "EchoTime": 0.00374,
    "ImageComments": "PIOP2",
    "ImageOrientationPatientDICOM": [
      0.999176,
      -0.0356924,
      0.0193011,
      0.0364635,
      0.998485,
      -0.0411992
    ],
    "Manufacturer": "Philips",
    "NumberSignalAcquisitions": 2,
    "PatientPosition": "HFS",
    "PhilipsRescaleIntercept": 0,
    "PhilipsRescaleSlope": 7.73211,
    "PhilipsScaleSlope": 0.00723996,
    "ProtocolName": "WIPT1anat_acq-6m_T1wSENSE",
    "ReconMatrixPE": 240,
    "RepetitionTime": 0.008153,
    "SeriesDescription": "ImageMRSERIES",
    "SeriesNumber": 2,
    "UsePhilipsFloatNotDisplayScaling": 1,
    "dataset": "ds002790",
    "modality": "T1w",
    "subject_id": "0045"
  },
  "cjv": 0.26969328972673,
  "cnr": 4.4500562051967645,
  "efc": 0.7500951679736657,
  "fber": 1404.9700927734375,
  "fwhm_avg": 4.563296666666666,
  "fwhm_x": 4.31685,
  "fwhm_y": 4.66158,
  "fwhm_z": 4.71146,
  "icvs_csf": 0.2637947045245455,
  "icvs_gm": 0.3700897205195953,
  "icvs_wm": 0.3661155749558591,
  "inu_med": 1.1182507276535034,
  "inu_range": 0.2706678807735443,
  "provenance": {
    "md5sum": "55cab07abaf697ec5cc21d5aff40373b",
    "settings": {
      "testing": false
    },
    "software": "mriqc",
    "version": "22.0.0rc1",
    "warnings": {
      "large_rot_frame": true,
      "small_air_mask": true
    },
    "webapi_port": null,
    "webapi_url": "https://mriqc.nimh.nih.gov/api/v1"
  },
  "qi_1": 0.0,
  "qi_2": 5.3204480850395194e-05,
  "rpve_csf": 25.178100039085596,
  "rpve_gm": 16.594893002180594,
  "rpve_wm": 22.598045120329243,
  "size_x": 240,
  "size_y": 240,
  "size_z": 220,
  "snr_csf": 3.5961267929007654,
  "snr_gm": 10.527416253277613,
  "snr_total": 14.58050545768707,
  "snr_wm": 29.617973326882826,
  "snrd_csf": 24.54208941526943,
  "snrd_gm": 49.660960029550345,
  "snrd_total": 49.25903041326629,
  "snrd_wm": 73.57404179497908,
  "spacing_x": 1.0,
  "spacing_y": 1.0,
  "spacing_z": 1.0,
  "summary_bg_k": 26.083796166674528,
  "summary_bg_mad": 8.904324470041841,
  "summary_bg_mean": 9.656413078308105,
  "summary_bg_median": 6.158379077911377,
  "summary_bg_n": 182174.0,
  "summary_bg_p05": 0.0,
  "summary_bg_p95": 24.508792686462403,
  "summary_bg_stdv": 9.159412384033203,
  "summary_csf_k": 0.022276738789202444,
  "summary_csf_mad": 85.02321943719826,
  "summary_csf_mean": 316.69091796875,
  "summary_csf_median": 333.56524658203125,
  "summary_csf_n": 16320.0,
  "summary_csf_p05": 141.59186935424805,
  "summary_csf_p95": 445.78344421386714,
  "summary_csf_stdv": 92.75396728515625,
  "summary_gm_k": 0.4648451201511117,
  "summary_gm_mad": 58.01979723716373,
  "summary_gm_mean": 678.1026000976562,
  "summary_gm_median": 674.9698486328125,
  "summary_gm_n": 14148.0,
  "summary_gm_p05": 576.2510650634765,
  "summary_gm_p95": 791.6795806884766,
  "summary_gm_stdv": 64.11316680908203,
  "summary_wm_k": 1.5159169182235264,
  "summary_wm_mad": 29.634851107080053,
  "summary_wm_mean": 998.8839721679688,
  "summary_wm_median": 999.9859008789062,
  "summary_wm_n": 209395.0,
  "summary_wm_p05": 943.2695739746093,
  "summary_wm_p95": 1051.6765869140625,
  "summary_wm_stdv": 33.762725830078125,
  "tpm_overlap_csf": 0.16749517619609833,
  "tpm_overlap_gm": 0.42599692940711975,
  "tpm_overlap_wm": 0.5166974067687988,
  "wm2max": 0.7045638075178021
}