{
  "aor": 0.0030673542600896863,
  "aqi": 0.00367515600896861,
  "bids_meta": {
    "AcquisitionNumber": 7,
    "BidsifyVersion": "0.3.5",
    "ConversionSoftware": "dcm2niix",
    "ConversionSoftwareVersion": "v1.0.20181125  GCC6.3.0",
    "EchoTime": 0.02763,
    "FlipAngle": 76.1,
    "ImageComments": "PIOP2",
    "ImageOrientationPatientDICOM": [
      0.999954,
      0.00587573,
      -0.00763872,
      -0.00558485,
      0.999279,
      0.037559
    ],
    "Manufacturer": "Philips",
    "NumberOfVolumesDiscardedByScanner": 2,
    "ParallelAcquisitionTechnique": "SENSE",
    "ParallelReductionFactorInPlane": 2,
    "PatientPosition": "HFS",
    "PhaseEncodingDirection": "j",
    "PhilipsRescaleIntercept": 0,
    "PhilipsRescaleSlope": 0.8022,
    "PhilipsScaleSlope": 0.0535584,
    "ProtocolName": "WIPtask-stop_boldSENSE",
    "PulseSequenceType": "gradient echo EPI",
    "ReconMatrixPE": 80,
    "RepetitionTime": 2,
    "SeriesDescription": "ImageMRSERIES",
    "SeriesNumber": 7,
    "SliceEncodingDirection": "k",
    "TaskName": "stopsignal",
    "UsePhilipsFloatNotDisplayScaling": 1,
    "WaterFatShift": 12,
    "acq_id": "seq",
    "dataset": "ds002790",
    "modality": "bold",
    "subject_id": "0216",
    "task_id": "stopsignal"
  },
  "dummy_trs": 0,
  "dvars_nstd": 18.811887758198186,
  "dvars_std": 1.1733272652252251,
  "dvars_vstd": 1.0154755674324327,
  "efc": 0.4400611914466393,
  "fber": 198064.84375,
  "fd_mean": 0.13825499282441917,
  "fd_num": 31,
  "fd_perc": 13.90134529147982,
  "fwhm_avg": 1.9580798069387468,
  "fwhm_x": 1.90773,
  "fwhm_y": 2.1064700000000003,
  "fwhm_z": 1.8600394208162399,
  "gcor": 0.0377395,
  "gsr_x": -0.011186872608959675,
  "gsr_y": 0.014172405004501343,
  "provenance": {
    "md5sum": "6abc24e26436d6d371032085287ad409",
    "settings": {
      "fd_thres": 0.2,
      "testing": false
    },
    "software": "mriqc",
    "version": "23.0.1",
    "webapi_port": null,
    "webapi_url": "https://mriqc.nimh.nih.gov/api/v1"
  },
  "size_t": 223,
  "size_x": 80,
  "size_y": 80,
  "size_z": 36,
  "snr": 5.024095338171015,
  "spacing_tr": 2.0,
  "spacing_x": 3.0,
  "spacing_y": 3.0,
  "spacing_z": 3.299999952316284,
  "summary_bg_k": 39.47900076124128,
  "summary_bg_mad": 59.55647551992014,
  "summary_bg_mean": 720.920654296875,
  "summary_bg_median": 54.40911865234375,
  "summary_bg_n": 154294.0,
  "summary_bg_p05": 6.662318754196168,
  "summary_bg_p95": 3951.611230468751,
  "summary_bg_stdv": 1861.65673828125,
  "summary_fg_k": 1.5099288744622994,
  "summary_fg_mad": 4528.010512835281,
  "summary_fg_mean": 25040.6171875,
  "summary_fg_median": 24392.42578125,
  "summary_fg_n": 35884.0,
  "summary_fg_p05": 18568.7798828125,
  "summary_fg_p95": 33731.619921875,
  "summary_fg_stdv": 4855.0205078125,
  "tsnr": 84.48287963867188
}