{
  "aor": 0.0018877916666666665,
  "aqi": 0.0052904395,
  "bids_meta": {
    "AcquisitionNumber": 4,
    "BidsifyVersion": "0.3.5",
    "ConversionSoftware": "dcm2niix",
    "ConversionSoftwareVersion": "v1.0.20181125  GCC6.3.0",
    "EchoTime": 0.02763,
    "FlipAngle": 76.1,
    "ImageComments": "PIOP2",
    "ImageOrientationPatientDICOM": [
      0.999954,
      0.00587573,
      -0.00763872,
      -0.00558485,
      0.999279,
      0.037559
    ],
    "Manufacturer": "Philips",
    "NumberOfVolumesDiscardedByScanner": 2,
    "ParallelAcquisitionTechnique": "SENSE",
    "ParallelReductionFactorInPlane": 2,
    "PatientPosition": "HFS",
    "PhaseEncodingDirection": "j",
    "PhilipsRescaleIntercept": 0,
    "PhilipsRescaleSlope": 0.83541,
    "PhilipsScaleSlope": 0.0514119,
    "ProtocolName": "WIPtask-rest_boldSENSE",
    "PulseSequenceType": "gradient echo EPI",
    "ReconMatrixPE": 80,
    "RepetitionTime": 2,
    "SeriesDescription": "ImageMRSERIES",
    "SeriesNumber": 4,
    "SliceEncodingDirection": "k",
    "TaskName": "restingstate",
    "UsePhilipsFloatNotDisplayScaling": 1,
    "WaterFatShift": 12,
    "acq_id": "seq",
    "dataset": "ds002790",
    "modality": "bold",
    "subject_id": "0216",
    "task_id": "restingstate"
  },
  "dummy_trs": 0,
  "dvars_nstd": 21.921242654142237,
  "dvars_std": 1.1850786516736402,
  "dvars_vstd": 1.000016537615063,
  "efc": 0.4382904531606273,
  "fber": 192504.3125,
  "fd_mean": 0.20426648313537374,
  "fd_num": 101,
  "fd_perc": 42.083333333333336,
  "fwhm_avg": 1.9680036453307002,
  "fwhm_x": 1.9181766666666666,
  "fwhm_y": 2.12411,
  "fwhm_z": 1.8617242693254337,
  "gcor": 0.0612789,
  "gsr_x": -0.011174370534718037,
  "gsr_y": 0.015290522947907448,
  "provenance": {
    "md5sum": "8b2ac8c48f8fba32aa965ed32dbae9c3",
    "settings": {
      "fd_thres": 0.2,
      "testing": false
    },
    "software": "mriqc",
    "version": "23.0.1",
    "webapi_port": null,
    "webapi_url": "https://mriqc.nimh.nih.gov/api/v1"
  },
  "size_t": 240,
  "size_x": 80,
  "size_y": 80,
  "size_z": 36,
  "snr": 4.987595029157956,
  "spacing_tr": 2.0,
  "spacing_x": 3.0,
  "spacing_y": 3.0,
  "spacing_z": 3.299999952316284,
  "summary_bg_k": 47.39898601916474,
  "summary_bg_mad": 62.19322854143497,
  "summary_bg_mean": 708.7971801757812,
  "summary_bg_median": 55.66330337524414,
  "summary_bg_n": 154415.0,
  "summary_bg_p05": 6.165393829345703,
  "summary_bg_p95": 3854.693701171874,
  "summary_bg_stdv": 1846.586669921875,
  "summary_fg_k": 1.4833205558074676,
  "summary_fg_mad": 4643.180037709331,
  "summary_fg_mean": 25289.880859375,
  "summary_fg_median": 24639.73046875,
  "summary_fg_n": 35841.0,
  "summary_fg_p05": 18754.423828125,
  "summary_fg_p95": 34108.86328125,
  "summary_fg_stdv": 4940.1337890625,
  "tsnr": 72.50150299072266
}