{
  "bids_meta": {
    "AcquisitionNumber": 2,
    "BidsifyVersion": "0.3.5",
    "ConversionSoftware": "dcm2niix",
    "ConversionSoftwareVersion": "v1.0.20181125  GCC6.3.0",
    "EchoTime": 0.00375,
    "ImageComments": "PIOP2",
    "ImageOrientationPatientDICOM": [
      0.998613,
      0.0154693,
      0.0503176,
      -0.0118523,
      0.997377,
      -0.0714033
    ],
    "Manufacturer": "Philips",
    "NumberSignalAcquisitions": 2,
    "PatientPosition": "HFS",
    "PhilipsRescaleIntercept": 0,
    "PhilipsRescaleSlope": 9.17412,
    "PhilipsScaleSlope": 0.00718784,
    "ProtocolName": "WIPT1anat_acq-6m_T1wSENSE",
    "ReconMatrixPE": 240,
    "RepetitionTime": 0.0082,
    "SeriesDescription": "ImageMRSERIES",
    "SeriesNumber": 2,
    "UsePhilipsFloatNotDisplayScaling": 1,
    "dataset": "ds002790",
    "modality": "T1w",
    "subject_id": "0137"
  },
  "cjv": 0.2504088185039701,
  "cnr": 4.796654203526722,
  "efc": 0.755633061133258,
  "fber": 1133.623779296875,
  "fwhm_avg": 4.619433333333333,
  "fwhm_x": 4.35719,
  "fwhm_y": 4.73601,
  "fwhm_z": 4.7651,
  "icvs_csf": 0.26070087345632437,
  "icvs_gm": 0.394944478730189,
  "icvs_wm": 0.3443546478134866,
  "inu_med": 2.0377771854400635,
  "inu_range": 0.5453721582889557,
  "provenance": {
    "md5sum": "424f18122dce5538b6df4374e9351aca",
    "settings": {
      "testing": false
    },
    "software": "mriqc",
    "version": "22.0.0rc1",
    "warnings": {
      "large_rot_frame": true,
      "small_air_mask": true
    },
    "webapi_port": null,
    "webapi_url": "https://mriqc.nimh.nih.gov/api/v1"
  },
  "qi_1": 0.0,
  "qi_2": 0.0001368315204305783,
  "rpve_csf": 23.74994700462574,
  "rpve_gm": 15.181194435117735,
  "rpve_wm": 22.756035516205444,
  "size_x": 240,
  "size_y": 240,
  "size_z": 220,
  "snr_csf": 2.772839523186103,
  "snr_gm": 9.217225954461906,
  "snr_total": 12.59485977641837,
  "snr_wm": 25.794513851607096,
  "snrd_csf": 19.741394454356254,
  "snrd_gm": 42.46605591764679,
  "snrd_total": 43.43577349445159,
  "snrd_wm": 68.09987011135172,
  "spacing_x": 1.0,
  "spacing_y": 1.0,
  "spacing_z": 1.0,
  "summary_bg_k": 127.23800385654451,
  "summary_bg_mad": 9.620232996170346,
  "summary_bg_mean": 11.100462913513184,
  "summary_bg_median": 6.614903450012207,
  "summary_bg_n": 161839.0,
  "summary_bg_p05": 0.0,
  "summary_bg_p95": 26.3048957824707,
  "summary_bg_stdv": 8.85445499420166,
  "summary_csf_k": -0.7170629048963875,
  "summary_csf_mad": 119.72090962797816,
  "summary_csf_mean": 276.45452880859375,
  "summary_csf_median": 289.88897705078125,
  "summary_csf_n": 16632.0,
  "summary_csf_p05": 99.54005699157715,
  "summary_csf_p95": 421.7285751342773,
  "summary_csf_stdv": 104.5427474975586,
  "summary_gm_k": 0.6441477775820368,
  "summary_gm_mad": 62.34277175398251,
  "summary_gm_mean": 628.8397216796875,
  "summary_gm_median": 623.585205078125,
  "summary_gm_n": 22421.0,
  "summary_gm_p05": 528.5023193359375,
  "summary_gm_p95": 750.6397705078125,
  "summary_gm_stdv": 67.65281677246094,
  "summary_wm_k": 2.218403927363526,
  "summary_wm_mad": 31.9149040122666,
  "summary_wm_mean": 996.0729370117188,
  "summary_wm_median": 1000.0003662109375,
  "summary_wm_n": 196156.0,
  "summary_wm_p05": 925.4857482910156,
  "summary_wm_p95": 1050.75830078125,
  "summary_wm_stdv": 38.76784896850586,
  "tpm_overlap_csf": 0.16829247772693634,
  "tpm_overlap_gm": 0.44348663091659546,
  "tpm_overlap_wm": 0.5181690454483032,
  "wm2max": 0.8194781823063626
}