{
  "aor": 0.0040498125000000005,
  "aqi": 0.00561536025,
  "bids_meta": {
    "AcquisitionNumber": 4,
    "BidsifyVersion": "0.3.5",
    "ConversionSoftware": "dcm2niix",
    "ConversionSoftwareVersion": "v1.0.20181125  GCC6.3.0",
    "EchoTime": 0.02763,
    "EffectiveEchoSpacing": 0.0006909035636805814,
    "FlipAngle": 76.1,
    "ImageComments": "PIOP2",
    "ImageOrientationPatientDICOM": [
      0.993808,
      -0.0804068,
      0.0766834,
      0.0754226,
      0.994977,
      0.0658208
    ],
    "Manufacturer": "Philips",
    "NumberOfVolumesDiscardedByScanner": 2,
    "ParallelAcquisitionTechnique": "SENSE",
    "ParallelReductionFactorInPlane": 2,
    "PatientPosition": "HFS",
    "PhaseEncodingDirection": "j",
    "PhilipsRescaleIntercept": 0,
    "PhilipsRescaleSlope": 0.75458,
    "PhilipsScaleSlope": 0.0541984,
    "ProtocolName": "WIPtask-wm_boldSENSE",
    "PulseSequenceType": "gradient echo EPI",
    "ReconMatrixPE": 80,
    "RepetitionTime": 2,
    "SeriesDescription": "ImageMRSERIES",
    "SeriesNumber": 4,
    "SliceEncodingDirection": "k",
    "SliceTiming": [
      0.0,
      0.0556,
      0.1111,
      0.1667,
      0.2222,
      0.2778,
      0.3333,
      0.3889,
      0.4444,
      0.5,
      0.5556,
      0.6111,
      0.6667,
      0.7222,
      0.7778,
      0.8333,
      0.8889,
      0.9444,
      1.0,
      1.0556,
      1.1111,
      1.1667,
      1.2222,
      1.2778,
      1.3333,
      1.3889,
      1.4444,
      1.5,
      1.5556,
      1.6111,
      1.6667,
      1.7222,
      1.7778,
      1.8333,
      1.8889,
      1.9444
    ],
    "TaskName": "workingmemory",
    "TotalReadoutTime": 0.026945238983542674,
    "UsePhilipsFloatNotDisplayScaling": 1,
    "WaterFatShift": 12,
    "acq_id": "seq",
    "dataset": "ds002790",
    "modality": "bold",
    "subject_id": "0173",
    "task_id": "workingmemory"
  },
  "dummy_trs": 0,
  "dvars_nstd": 18.317536144088045,
  "dvars_std": 1.1637515838364783,
  "dvars_vstd": 1.0025343186163516,
  "efc": 0.44124831561591327,
  "fber": 202783.609375,
  "fd_mean": 0.15407197836837097,
  "fd_num": 25,
  "fd_perc": 15.625,
  "fwhm_avg": 1.9858245091982047,
  "fwhm_x": 1.9445166666666667,
  "fwhm_y": 2.176463160363582,
  "fwhm_z": 1.8364937005643656,
  "gcor": 0.0322294,
  "gsr_x": -0.008966999128460884,
  "gsr_y": 0.018729237839579582,
  "provenance": {
    "md5sum": "3c8538ad9f83a1ca609ae953aee586a3",
    "settings": {
      "fd_thres": 0.2,
      "testing": false
    },
    "software": "mriqc",
    "version": "22.0.0rc1",
    "webapi_port": null,
    "webapi_url": "https://mriqc.nimh.nih.gov/api/v1"
  },
  "size_t": 160,
  "size_x": 80,
  "size_y": 80,
  "size_z": 36,
  "snr": 5.55608199577085,
  "spacing_tr": 2.0,
  "spacing_x": 3.0,
  "spacing_y": 3.000000238418579,
  "spacing_z": 3.3000004291534424,
  "summary_bg_k": 63.09984736235842,
  "summary_bg_mad": 65.35257121698292,
  "summary_bg_mean": 766.6817626953125,
  "summary_bg_median": 55.256507873535156,
  "summary_bg_n": 154203.0,
  "summary_bg_p05": 4.0774451255798345,
  "summary_bg_p95": 4197.452734375,
  "summary_bg_stdv": 2098.85791015625,
  "summary_fg_k": 2.2849731924011616,
  "summary_fg_mad": 4094.104676642189,
  "summary_fg_mean": 25864.982421875,
  "summary_fg_median": 25325.744140625,
  "summary_fg_n": 35435.0,
  "summary_fg_p05": 19664.534765625,
  "summary_fg_p95": 33634.22265624999,
  "summary_fg_stdv": 4558.1376953125,
  "tsnr": 80.36856842041016
}