{
  "aor": 0.0059601666666666666,
  "aqi": 0.007093979041666667,
  "bids_meta": {
    "AcquisitionNumber": 5,
    "BidsifyVersion": "0.3.5",
    "ConversionSoftware": "dcm2niix",
    "ConversionSoftwareVersion": "v1.0.20181125  GCC6.3.0",
    "EchoTime": 0.02763,
    "EffectiveEchoSpacing": 0.0006909035636805814,
    "FlipAngle": 76.1,
    "ImageComments": "PIOP2",
    "ImageOrientationPatientDICOM": [
      0.993808,
      -0.0804068,
      0.0766834,
      0.0754226,
      0.994977,
      0.0658208
    ],
    "Manufacturer": "Philips",
    "NumberOfVolumesDiscardedByScanner": 2,
    "ParallelAcquisitionTechnique": "SENSE",
    "ParallelReductionFactorInPlane": 2,
    "PatientPosition": "HFS",
    "PhaseEncodingDirection": "j",
    "PhilipsRescaleIntercept": 0,
    "PhilipsRescaleSlope": 0.779,
    "PhilipsScaleSlope": 0.0546123,
    "ProtocolName": "WIPtask-rest_boldSENSE",
    "PulseSequenceType": "gradient echo EPI",
    "ReconMatrixPE": 80,
    "RepetitionTime": 2,
    "SeriesDescription": "ImageMRSERIES",
    "SeriesNumber": 5,
    "SliceEncodingDirection": "k",
    "SliceTiming": [
      0.0,
      0.0556,
      0.1111,
      0.1667,
      0.2222,
      0.2778,
      0.3333,
      0.3889,
      0.4444,
      0.5,
      0.5556,
      0.6111,
      0.6667,
      0.7222,
      0.7778,
      0.8333,
      0.8889,
      0.9444,
      1.0,
      1.0556,
      1.1111,
      1.1667,
      1.2222,
      1.2778,
      1.3333,
      1.3889,
      1.4444,
      1.5,
      1.5556,
      1.6111,
      1.6667,
      1.7222,
      1.7778,
      1.8333,
      1.8889,
      1.9444
    ],
    "TaskName": "restingstate",
    "TotalReadoutTime": 0.026945238983542674,
    "UsePhilipsFloatNotDisplayScaling": 1,
    "WaterFatShift": 12,
    "acq_id": "seq",
    "dataset": "ds002790",
    "modality": "bold",
    "subject_id": "0173",
    "task_id": "restingstate"
  },
  "dummy_trs": 0,
  "dvars_nstd": 21.148674673807534,
  "dvars_std": 1.238262312008368,
  "dvars_vstd": 1.0210779632217573,
  "efc": 0.44091881749904516,
  "fber": 179421.625,
  "fd_mean": 0.19952126338425918,
  "fd_num": 70,
  "fd_perc": 29.166666666666668,
  "fwhm_avg": 2.0115715782564023,
  "fwhm_x": 1.9708133333333333,
  "fwhm_y": 2.209653157725878,
  "fwhm_z": 1.854248243709995,
  "gcor": 0.0308623,
  "gsr_x": -0.00922409351915121,
  "gsr_y": 0.020267434418201447,
  "provenance": {
    "md5sum": "ac91dce09c59469de407867b4ec18dd2",
    "settings": {
      "fd_thres": 0.2,
      "testing": false
    },
    "software": "mriqc",
    "version": "22.0.0rc1",
    "webapi_port": null,
    "webapi_url": "https://mriqc.nimh.nih.gov/api/v1"
  },
  "size_t": 240,
  "size_x": 80,
  "size_y": 80,
  "size_z": 36,
  "snr": 5.430508770202601,
  "spacing_tr": 2.0,
  "spacing_x": 3.0,
  "spacing_y": 3.000000238418579,
  "spacing_z": 3.3000004291534424,
  "summary_bg_k": 68.48898224389384,
  "summary_bg_mad": 71.8515242547781,
  "summary_bg_mean": 779.0491333007812,
  "summary_bg_median": 58.94782257080078,
  "summary_bg_n": 154551.0,
  "summary_bg_p05": 4.115986585617065,
  "summary_bg_p95": 4259.228759765625,
  "summary_bg_stdv": 2116.365478515625,
  "summary_fg_k": 2.2470428559764075,
  "summary_fg_mad": 4178.584046022428,
  "summary_fg_mean": 25839.556640625,
  "summary_fg_median": 25271.154296875,
  "summary_fg_n": 35233.0,
  "summary_fg_p05": 19546.569140625,
  "summary_fg_p95": 33808.49375,
  "summary_fg_stdv": 4653.48583984375,
  "tsnr": 69.95516204833984
}