{
  "aor": 0.008870296296296296,
  "aqi": 0.006563932222222222,
  "bids_meta": {
    "AcquisitionNumber": 9,
    "BidsifyVersion": "0.3.5",
    "ConversionSoftware": "dcm2niix",
    "ConversionSoftwareVersion": "v1.0.20181125  GCC6.3.0",
    "EchoTime": 0.02763,
    "EffectiveEchoSpacing": 0.0006909035636805814,
    "FlipAngle": 76.1,
    "ImageComments": "PIOP2",
    "ImageOrientationPatientDICOM": [
      0.993808,
      -0.0804068,
      0.0766834,
      0.0754226,
      0.994977,
      0.0658208
    ],
    "Manufacturer": "Philips",
    "NumberOfVolumesDiscardedByScanner": 2,
    "ParallelAcquisitionTechnique": "SENSE",
    "ParallelReductionFactorInPlane": 2,
    "PatientPosition": "HFS",
    "PhaseEncodingDirection": "j",
    "PhilipsRescaleIntercept": 0,
    "PhilipsRescaleSlope": 0.76557,
    "PhilipsScaleSlope": 0.0550673,
    "ProtocolName": "WIPtask-harriri_boldSENSE",
    "PulseSequenceType": "gradient echo EPI",
    "ReconMatrixPE": 80,
    "RepetitionTime": 2,
    "SeriesDescription": "ImageMRSERIES",
    "SeriesNumber": 9,
    "SliceEncodingDirection": "k",
    "SliceTiming": [
      0.0,
      0.0556,
      0.1111,
      0.1667,
      0.2222,
      0.2778,
      0.3333,
      0.3889,
      0.4444,
      0.5,
      0.5556,
      0.6111,
      0.6667,
      0.7222,
      0.7778,
      0.8333,
      0.8889,
      0.9444,
      1.0,
      1.0556,
      1.1111,
      1.1667,
      1.2222,
      1.2778,
      1.3333,
      1.3889,
      1.4444,
      1.5,
      1.5556,
      1.6111,
      1.6667,
      1.7222,
      1.7778,
      1.8333,
      1.8889,
      1.9444
    ],
    "TaskName": "emomatching",
    "TotalReadoutTime": 0.026945238983542674,
    "UsePhilipsFloatNotDisplayScaling": 1,
    "WaterFatShift": 12,
    "acq_id": "seq",
    "dataset": "ds002790",
    "modality": "bold",
    "subject_id": "0173",
    "task_id": "emomatching"
  },
  "dummy_trs": 0,
  "dvars_nstd": 22.487344983880593,
  "dvars_std": 1.267710694328359,
  "dvars_vstd": 1.0728050844776125,
  "efc": 0.4404781410577081,
  "fber": 204757.609375,
  "fd_mean": 0.214055091036237,
  "fd_num": 46,
  "fd_perc": 34.074074074074076,
  "fwhm_avg": 1.9779155190105409,
  "fwhm_x": 1.9180400000000002,
  "fwhm_y": 2.1664098278292157,
  "fwhm_z": 1.849296729202407,
  "gcor": 0.0584476,
  "gsr_x": -0.008601321838796139,
  "gsr_y": 0.019105054438114166,
  "provenance": {
    "md5sum": "3cab8d2d85c517685fc7e9ebb58fa0f6",
    "settings": {
      "fd_thres": 0.2,
      "testing": false
    },
    "software": "mriqc",
    "version": "22.0.0rc1",
    "webapi_port": null,
    "webapi_url": "https://mriqc.nimh.nih.gov/api/v1"
  },
  "size_t": 135,
  "size_x": 80,
  "size_y": 80,
  "size_z": 36,
  "snr": 5.533013738260632,
  "spacing_tr": 2.0,
  "spacing_x": 3.0,
  "spacing_y": 3.000000238418579,
  "spacing_z": 3.3000004291534424,
  "summary_bg_k": 63.765690151071325,
  "summary_bg_mad": 62.98916774800233,
  "summary_bg_mean": 774.8822021484375,
  "summary_bg_median": 54.759605407714844,
  "summary_bg_n": 154720.0,
  "summary_bg_p05": 5.725179243087769,
  "summary_bg_p95": 4272.3406249999925,
  "summary_bg_stdv": 2101.451171875,
  "summary_fg_k": 2.3741090696215377,
  "summary_fg_mad": 4113.461033145315,
  "summary_fg_mean": 25766.3984375,
  "summary_fg_median": 25247.1171875,
  "summary_fg_n": 35150.0,
  "summary_fg_p05": 19600.0302734375,
  "summary_fg_p95": 33457.881640625,
  "summary_fg_stdv": 4562.9306640625,
  "tsnr": 72.37359619140625
}