{
  "aor": 0.0020559166666666664,
  "aqi": 0.003916472833333334,
  "bids_meta": {
    "AcquisitionNumber": 4,
    "BidsifyVersion": "0.3.5",
    "ConversionSoftware": "dcm2niix",
    "ConversionSoftwareVersion": "v1.0.20181125  GCC6.3.0",
    "EchoTime": 0.02763,
    "FlipAngle": 76.1,
    "ImageComments": "PIOP2",
    "ImageOrientationPatientDICOM": [
      0.995631,
      0.06163,
      -0.0701516,
      -0.0656061,
      0.996281,
      -0.05586
    ],
    "Manufacturer": "Philips",
    "NumberOfVolumesDiscardedByScanner": 2,
    "ParallelAcquisitionTechnique": "SENSE",
    "ParallelReductionFactorInPlane": 2,
    "PatientPosition": "HFS",
    "PhaseEncodingDirection": "j",
    "PhilipsRescaleIntercept": 0,
    "PhilipsRescaleSlope": 0.78803,
    "PhilipsScaleSlope": 0.0576999,
    "ProtocolName": "WIPtask-rest_boldSENSE",
    "PulseSequenceType": "gradient echo EPI",
    "ReconMatrixPE": 80,
    "RepetitionTime": 2,
    "SeriesDescription": "ImageMRSERIES",
    "SeriesNumber": 4,
    "SliceEncodingDirection": "k",
    "TaskName": "restingstate",
    "UsePhilipsFloatNotDisplayScaling": 1,
    "WaterFatShift": 12,
    "acq_id": "seq",
    "dataset": "ds002790",
    "modality": "bold",
    "subject_id": "0224",
    "task_id": "restingstate"
  },
  "dummy_trs": 0,
  "dvars_nstd": 22.86995002313806,
  "dvars_std": 1.353794070376569,
  "dvars_vstd": 1.0183988246025109,
  "efc": 0.43924459303823904,
  "fber": 225053.390625,
  "fd_mean": 0.18052640762032002,
  "fd_num": 97,
  "fd_perc": 40.416666666666664,
  "fwhm_avg": 1.806410715144566,
  "fwhm_x": 1.7689066666666668,
  "fwhm_y": 1.9740466666666665,
  "fwhm_z": 1.6762788121003644,
  "gcor": 0.0487555,
  "gsr_x": -0.013947585597634315,
  "gsr_y": 0.01657913625240326,
  "provenance": {
    "md5sum": "faad94ef24f45d76c92a553d8620cb19",
    "settings": {
      "fd_thres": 0.2,
      "testing": false
    },
    "software": "mriqc",
    "version": "23.0.1",
    "webapi_port": null,
    "webapi_url": "https://mriqc.nimh.nih.gov/api/v1"
  },
  "size_t": 240,
  "size_x": 80,
  "size_y": 80,
  "size_z": 36,
  "snr": 5.981570704000023,
  "spacing_tr": 2.0,
  "spacing_x": 3.0,
  "spacing_y": 3.0,
  "spacing_z": 3.299999952316284,
  "summary_bg_k": 106.89006139213318,
  "summary_bg_mad": 58.998378101534854,
  "summary_bg_mean": 641.7579956054688,
  "summary_bg_median": 52.88252258300781,
  "summary_bg_n": 152754.0,
  "summary_bg_p05": 4.157388377189637,
  "summary_bg_p95": 3448.008837890626,
  "summary_bg_stdv": 1934.2633056640625,
  "summary_fg_k": 2.0194262766097077,
  "summary_fg_mad": 4074.6122218885357,
  "summary_fg_mean": 25944.5078125,
  "summary_fg_median": 25617.353515625,
  "summary_fg_n": 36786.0,
  "summary_fg_p05": 19929.18701171875,
  "summary_fg_p95": 32798.7236328125,
  "summary_fg_stdv": 4282.6552734375,
  "tsnr": 95.74324035644531
}