{
  "aor": 0.0033951851851851855,
  "aqi": 0.0037285663703703702,
  "bids_meta": {
    "AcquisitionNumber": 8,
    "BidsifyVersion": "0.3.5",
    "ConversionSoftware": "dcm2niix",
    "ConversionSoftwareVersion": "v1.0.20181125  GCC6.3.0",
    "EchoTime": 0.02763,
    "FlipAngle": 76.1,
    "ImageComments": "PIOP2",
    "ImageOrientationPatientDICOM": [
      0.995631,
      0.06163,
      -0.0701516,
      -0.0656061,
      0.996281,
      -0.05586
    ],
    "Manufacturer": "Philips",
    "NumberOfVolumesDiscardedByScanner": 2,
    "ParallelAcquisitionTechnique": "SENSE",
    "ParallelReductionFactorInPlane": 2,
    "PatientPosition": "HFS",
    "PhaseEncodingDirection": "j",
    "PhilipsRescaleIntercept": 0,
    "PhilipsRescaleSlope": 0.86032,
    "PhilipsScaleSlope": 0.0570187,
    "ProtocolName": "WIPtask-harriri_boldSENSE",
    "PulseSequenceType": "gradient echo EPI",
    "ReconMatrixPE": 80,
    "RepetitionTime": 2,
    "SeriesDescription": "ImageMRSERIES",
    "SeriesNumber": 8,
    "SliceEncodingDirection": "k",
    "TaskName": "emomatching",
    "UsePhilipsFloatNotDisplayScaling": 1,
    "WaterFatShift": 12,
    "acq_id": "seq",
    "dataset": "ds002790",
    "modality": "bold",
    "subject_id": "0224",
    "task_id": "emomatching"
  },
  "dummy_trs": 0,
  "dvars_nstd": 21.983625910671652,
  "dvars_std": 1.3889431907462682,
  "dvars_vstd": 1.032715129253731,
  "efc": 0.4404598928184566,
  "fber": 230299.390625,
  "fd_mean": 0.14317135814268656,
  "fd_num": 28,
  "fd_perc": 20.74074074074074,
  "fwhm_avg": 1.8272249577085171,
  "fwhm_x": 1.7914733333333333,
  "fwhm_y": 1.9849166666666667,
  "fwhm_z": 1.7052848731255512,
  "gcor": 0.0444339,
  "gsr_x": -0.01364530436694622,
  "gsr_y": 0.01652001217007637,
  "provenance": {
    "md5sum": "c0d67ae4b9854f674a80923cb416640c",
    "settings": {
      "fd_thres": 0.2,
      "testing": false
    },
    "software": "mriqc",
    "version": "23.0.1",
    "webapi_port": null,
    "webapi_url": "https://mriqc.nimh.nih.gov/api/v1"
  },
  "size_t": 135,
  "size_x": 80,
  "size_y": 80,
  "size_z": 36,
  "snr": 5.98102727849565,
  "spacing_tr": 2.0,
  "spacing_x": 3.0,
  "spacing_y": 3.0,
  "spacing_z": 3.299999952316284,
  "summary_bg_k": 94.68211486447072,
  "summary_bg_mad": 57.9084284414419,
  "summary_bg_mean": 644.4321899414062,
  "summary_bg_median": 51.737056732177734,
  "summary_bg_n": 152751.0,
  "summary_bg_p05": 4.098669767379761,
  "summary_bg_p95": 3502.550048828125,
  "summary_bg_stdv": 1903.8973388671875,
  "summary_fg_k": 1.861010045843936,
  "summary_fg_mad": 4050.1449417220065,
  "summary_fg_mean": 25576.1484375,
  "summary_fg_median": 25300.322265625,
  "summary_fg_n": 36855.0,
  "summary_fg_p05": 19605.834765625,
  "summary_fg_p95": 32336.999609374994,
  "summary_fg_stdv": 4230.0390625,
  "tsnr": 98.48759460449219
}