{
  "bids_meta": {
    "AcquisitionNumber": 2,
    "BidsifyVersion": "0.3.5",
    "ConversionSoftware": "dcm2niix",
    "ConversionSoftwareVersion": "v1.0.20181125  GCC6.3.0",
    "EchoTime": 0.00378,
    "ImageComments": "PIOP2",
    "ImageOrientationPatientDICOM": [
      0.998239,
      -0.048252,
      0.0345044,
      0.0512673,
      0.994379,
      -0.0926343
    ],
    "Manufacturer": "Philips",
    "NumberSignalAcquisitions": 2,
    "PatientPosition": "HFS",
    "PhilipsRescaleIntercept": 0,
    "PhilipsRescaleSlope": 8.72503,
    "PhilipsScaleSlope": 0.00711384,
    "ProtocolName": "WIPT1anat_acq-6m_T1wSENSE",
    "ReconMatrixPE": 240,
    "RepetitionTime": 0.008236,
    "SeriesDescription": "ImageMRSERIES",
    "SeriesNumber": 2,
    "UsePhilipsFloatNotDisplayScaling": 1,
    "dataset": "ds002790",
    "modality": "T1w",
    "subject_id": "0166"
  },
  "cjv": 0.2546339820473047,
  "cnr": 4.845277787752961,
  "efc": 0.7523969260715101,
  "fber": 1410.89306640625,
  "fwhm_avg": 4.401916666666666,
  "fwhm_x": 4.16183,
  "fwhm_y": 4.49435,
  "fwhm_z": 4.54957,
  "icvs_csf": 0.2796301095900933,
  "icvs_gm": 0.3844164703326923,
  "icvs_wm": 0.3359534200772144,
  "inu_med": 1.5530856847763062,
  "inu_range": 0.3002372980117798,
  "provenance": {
    "md5sum": "f6eee2fe1b9b76e20258562b5f1582bf",
    "settings": {
      "testing": false
    },
    "software": "mriqc",
    "version": "22.0.0rc1",
    "warnings": {
      "large_rot_frame": true,
      "small_air_mask": true
    },
    "webapi_port": null,
    "webapi_url": "https://mriqc.nimh.nih.gov/api/v1"
  },
  "qi_1": 0.0,
  "qi_2": 5.257915893115696e-05,
  "rpve_csf": 25.341378677249423,
  "rpve_gm": 17.02948957933141,
  "rpve_wm": 25.765405515832484,
  "size_x": 240,
  "size_y": 240,
  "size_z": 220,
  "snr_csf": 3.8092650586793027,
  "snr_gm": 9.80911175000068,
  "snr_total": 12.90016538677848,
  "snr_wm": 25.08211935165546,
  "snrd_csf": 24.351509449880496,
  "snrd_gm": 49.30366135951049,
  "snrd_total": 50.623049874202046,
  "snrd_wm": 78.21397881321514,
  "spacing_x": 1.0,
  "spacing_y": 1.0,
  "spacing_z": 1.0,
  "summary_bg_k": 59.500298635932275,
  "summary_bg_mad": 8.37616892127801,
  "summary_bg_mean": 8.45720100402832,
  "summary_bg_median": 5.735213279724121,
  "summary_bg_n": 179945.0,
  "summary_bg_p05": 0.0,
  "summary_bg_p95": 22.800801467895507,
  "summary_bg_stdv": 10.027230262756348,
  "summary_csf_k": 0.3428969218268425,
  "summary_csf_mad": 80.11390940555972,
  "summary_csf_mean": 303.60516357421875,
  "summary_csf_median": 311.3433532714844,
  "summary_csf_n": 10250.0,
  "summary_csf_p05": 155.73165054321288,
  "summary_csf_p95": 420.10990600585933,
  "summary_csf_stdv": 81.72919464111328,
  "summary_gm_k": 0.6618606818072363,
  "summary_gm_mad": 59.60822851417411,
  "summary_gm_mean": 632.3136596679688,
  "summary_gm_median": 630.3661499023438,
  "summary_gm_n": 20473.0,
  "summary_gm_p05": 532.493505859375,
  "summary_gm_p95": 743.5566650390622,
  "summary_gm_stdv": 64.26175689697266,
  "summary_wm_k": 1.2705100057847556,
  "summary_wm_mad": 34.51199163867717,
  "summary_wm_mean": 996.782958984375,
  "summary_wm_median": 999.99560546875,
  "summary_wm_n": 165966.0,
  "summary_wm_p05": 925.6232604980469,
  "summary_wm_p95": 1055.788330078125,
  "summary_wm_stdv": 39.868743896484375,
  "tpm_overlap_csf": 0.15066158771514893,
  "tpm_overlap_gm": 0.4269615709781647,
  "tpm_overlap_wm": 0.5144822001457214,
  "wm2max": 0.7692842311657505
}