{
  "aor": 0.003357164179104478,
  "aqi": 0.004702361641791044,
  "bids_meta": {
    "AcquisitionNumber": 8,
    "BidsifyVersion": "0.3.5",
    "ConversionSoftware": "dcm2niix",
    "ConversionSoftwareVersion": "v1.0.20181125  GCC6.3.0",
    "EchoTime": 0.02763,
    "EffectiveEchoSpacing": 0.0006909035636805814,
    "FlipAngle": 76.1,
    "ImageComments": "PIOP2",
    "ImageOrientationPatientDICOM": [
      0.999938,
      0.00375353,
      0.0105,
      -0.00331593,
      0.999138,
      -0.0413876
    ],
    "Manufacturer": "Philips",
    "NumberOfVolumesDiscardedByScanner": 2,
    "ParallelAcquisitionTechnique": "SENSE",
    "ParallelReductionFactorInPlane": 2,
    "PatientPosition": "HFS",
    "PhaseEncodingDirection": "j",
    "PhilipsRescaleIntercept": 0,
    "PhilipsRescaleSlope": 0.80928,
    "PhilipsScaleSlope": 0.0538587,
    "ProtocolName": "WIPtask-harriri_boldSENSE",
    "PulseSequenceType": "gradient echo EPI",
    "ReconMatrixPE": 80,
    "RepetitionTime": 2,
    "SeriesDescription": "ImageMRSERIES",
    "SeriesNumber": 8,
    "SliceEncodingDirection": "k",
    "SliceTiming": [
      0.0,
      0.0556,
      0.1111,
      0.1667,
      0.2222,
      0.2778,
      0.3333,
      0.3889,
      0.4444,
      0.5,
      0.5556,
      0.6111,
      0.6667,
      0.7222,
      0.7778,
      0.8333,
      0.8889,
      0.9444,
      1.0,
      1.0556,
      1.1111,
      1.1667,
      1.2222,
      1.2778,
      1.3333,
      1.3889,
      1.4444,
      1.5,
      1.5556,
      1.6111,
      1.6667,
      1.7222,
      1.7778,
      1.8333,
      1.8889,
      1.9444
    ],
    "TaskName": "emomatching",
    "TotalReadoutTime": 0.026945238983542674,
    "UsePhilipsFloatNotDisplayScaling": 1,
    "WaterFatShift": 12,
    "acq_id": "seq",
    "dataset": "ds002790",
    "modality": "bold",
    "subject_id": "0187",
    "task_id": "emomatching"
  },
  "dummy_trs": 1,
  "dvars_nstd": 21.76596024857142,
  "dvars_std": 1.3618105244360899,
  "dvars_vstd": 1.0341604448872184,
  "efc": 0.40901986547711855,
  "fber": 285737.90625,
  "fd_mean": 0.1569955954736273,
  "fd_num": 27,
  "fd_perc": 20.149253731343283,
  "fwhm_avg": 1.8830455641619046,
  "fwhm_x": 1.8649699999999998,
  "fwhm_y": 1.9973333333333334,
  "fwhm_z": 1.7868333591523802,
  "gcor": 0.0495391,
  "gsr_x": -0.01518197637051344,
  "gsr_y": 0.009275631047785282,
  "provenance": {
    "md5sum": "daa7aa0d5dda50d259bfea5b6341d279",
    "settings": {
      "fd_thres": 0.2,
      "testing": false
    },
    "software": "mriqc",
    "version": "22.0.0rc1",
    "webapi_port": null,
    "webapi_url": "https://mriqc.nimh.nih.gov/api/v1"
  },
  "size_t": 134,
  "size_x": 80,
  "size_y": 80,
  "size_z": 36,
  "snr": 5.981753898957928,
  "spacing_tr": 2.0,
  "spacing_x": 3.0,
  "spacing_y": 3.0,
  "spacing_z": 3.299999952316284,
  "summary_bg_k": 90.77993767585276,
  "summary_bg_mad": 58.19007275364531,
  "summary_bg_mean": 619.81982421875,
  "summary_bg_median": 52.599945068359375,
  "summary_bg_n": 159505.0,
  "summary_bg_p05": 4.577842044830322,
  "summary_bg_p95": 3047.5648925781225,
  "summary_bg_stdv": 1859.9713134765625,
  "summary_fg_k": 1.5947122331424781,
  "summary_fg_mad": 4452.850977908674,
  "summary_fg_mean": 29279.1171875,
  "summary_fg_median": 28682.638671875,
  "summary_fg_n": 31869.0,
  "summary_fg_p05": 22627.041796875,
  "summary_fg_p95": 37509.952343749996,
  "summary_fg_stdv": 4794.9462890625,
  "tsnr": 88.46755981445312
}