{
  "aor": 0.002598716814159292,
  "aqi": 0.006087482964601769,
  "bids_meta": {
    "AcquisitionNumber": 7,
    "BidsifyVersion": "0.3.5",
    "ConversionSoftware": "dcm2niix",
    "ConversionSoftwareVersion": "v1.0.20181125  GCC6.3.0",
    "EchoTime": 0.02763,
    "EffectiveEchoSpacing": 0.0006909035636805814,
    "FlipAngle": 76.1,
    "ImageComments": "PIOP2",
    "ImageOrientationPatientDICOM": [
      0.999938,
      0.00375353,
      0.0105,
      -0.00331593,
      0.999138,
      -0.0413876
    ],
    "Manufacturer": "Philips",
    "NumberOfVolumesDiscardedByScanner": 2,
    "ParallelAcquisitionTechnique": "SENSE",
    "ParallelReductionFactorInPlane": 2,
    "PatientPosition": "HFS",
    "PhaseEncodingDirection": "j",
    "PhilipsRescaleIntercept": 0,
    "PhilipsRescaleSlope": 0.80488,
    "PhilipsScaleSlope": 0.0560255,
    "ProtocolName": "WIPtask-stop_boldSENSE",
    "PulseSequenceType": "gradient echo EPI",
    "ReconMatrixPE": 80,
    "RepetitionTime": 2,
    "SeriesDescription": "ImageMRSERIES",
    "SeriesNumber": 7,
    "SliceEncodingDirection": "k",
    "SliceTiming": [
      0.0,
      0.0556,
      0.1111,
      0.1667,
      0.2222,
      0.2778,
      0.3333,
      0.3889,
      0.4444,
      0.5,
      0.5556,
      0.6111,
      0.6667,
      0.7222,
      0.7778,
      0.8333,
      0.8889,
      0.9444,
      1.0,
      1.0556,
      1.1111,
      1.1667,
      1.2222,
      1.2778,
      1.3333,
      1.3889,
      1.4444,
      1.5,
      1.5556,
      1.6111,
      1.6667,
      1.7222,
      1.7778,
      1.8333,
      1.8889,
      1.9444
    ],
    "TaskName": "stopsignal",
    "TotalReadoutTime": 0.026945238983542674,
    "UsePhilipsFloatNotDisplayScaling": 1,
    "WaterFatShift": 12,
    "acq_id": "seq",
    "dataset": "ds002790",
    "modality": "bold",
    "subject_id": "0187",
    "task_id": "stopsignal"
  },
  "dummy_trs": 0,
  "dvars_nstd": 22.345520562133323,
  "dvars_std": 1.3322156336444444,
  "dvars_vstd": 1.0157003579111101,
  "efc": 0.40959647688353434,
  "fber": 287335.46875,
  "fd_mean": 0.18221376962400238,
  "fd_num": 68,
  "fd_perc": 30.088495575221238,
  "fwhm_avg": 1.8752090994678874,
  "fwhm_x": 1.85259,
  "fwhm_y": 1.9960766666666665,
  "fwhm_z": 1.7769606317369957,
  "gcor": 0.0473432,
  "gsr_x": -0.015600423328578472,
  "gsr_y": 0.009778061881661415,
  "provenance": {
    "md5sum": "b97dec0a2561a970e0041c41d30f3d8d",
    "settings": {
      "fd_thres": 0.2,
      "testing": false
    },
    "software": "mriqc",
    "version": "22.0.0rc1",
    "webapi_port": null,
    "webapi_url": "https://mriqc.nimh.nih.gov/api/v1"
  },
  "size_t": 226,
  "size_x": 80,
  "size_y": 80,
  "size_z": 36,
  "snr": 6.097857608822453,
  "spacing_tr": 2.0,
  "spacing_x": 3.0,
  "spacing_y": 3.0,
  "spacing_z": 3.299999952316284,
  "summary_bg_k": 94.32997782561739,
  "summary_bg_mad": 56.10237372038808,
  "summary_bg_mean": 608.3333740234375,
  "summary_bg_median": 51.26203155517578,
  "summary_bg_n": 159453.0,
  "summary_bg_p05": 4.960388755798341,
  "summary_bg_p95": 2970.384667968749,
  "summary_bg_stdv": 1837.19921875,
  "summary_fg_k": 1.7294009800864716,
  "summary_fg_mad": 4264.221698385875,
  "summary_fg_mean": 28618.943359375,
  "summary_fg_median": 28061.46484375,
  "summary_fg_n": 31876.0,
  "summary_fg_p05": 22292.96240234375,
  "summary_fg_p95": 36498.2236328125,
  "summary_fg_stdv": 4601.7841796875,
  "tsnr": 79.36127471923828
}