{
  "aor": 0.001910875,
  "aqi": 0.0044048822500000005,
  "bids_meta": {
    "AcquisitionNumber": 3,
    "BidsifyVersion": "0.3.5",
    "ConversionSoftware": "dcm2niix",
    "ConversionSoftwareVersion": "v1.0.20181125  GCC6.3.0",
    "EchoTime": 0.02763,
    "EffectiveEchoSpacing": 0.0006909035636805814,
    "FlipAngle": 76.1,
    "ImageComments": "PIOP2",
    "ImageOrientationPatientDICOM": [
      0.999938,
      0.00375353,
      0.0105,
      -0.00331593,
      0.999138,
      -0.0413876
    ],
    "Manufacturer": "Philips",
    "NumberOfVolumesDiscardedByScanner": 2,
    "ParallelAcquisitionTechnique": "SENSE",
    "ParallelReductionFactorInPlane": 2,
    "PatientPosition": "HFS",
    "PhaseEncodingDirection": "j",
    "PhilipsRescaleIntercept": 0,
    "PhilipsRescaleSlope": 0.82173,
    "PhilipsScaleSlope": 0.0540013,
    "ProtocolName": "WIPtask-wm_boldSENSE",
    "PulseSequenceType": "gradient echo EPI",
    "ReconMatrixPE": 80,
    "RepetitionTime": 2,
    "SeriesDescription": "ImageMRSERIES",
    "SeriesNumber": 3,
    "SliceEncodingDirection": "k",
    "SliceTiming": [
      0.0,
      0.0556,
      0.1111,
      0.1667,
      0.2222,
      0.2778,
      0.3333,
      0.3889,
      0.4444,
      0.5,
      0.5556,
      0.6111,
      0.6667,
      0.7222,
      0.7778,
      0.8333,
      0.8889,
      0.9444,
      1.0,
      1.0556,
      1.1111,
      1.1667,
      1.2222,
      1.2778,
      1.3333,
      1.3889,
      1.4444,
      1.5,
      1.5556,
      1.6111,
      1.6667,
      1.7222,
      1.7778,
      1.8333,
      1.8889,
      1.9444
    ],
    "TaskName": "workingmemory",
    "TotalReadoutTime": 0.026945238983542674,
    "UsePhilipsFloatNotDisplayScaling": 1,
    "WaterFatShift": 12,
    "acq_id": "seq",
    "dataset": "ds002790",
    "modality": "bold",
    "subject_id": "0187",
    "task_id": "workingmemory"
  },
  "dummy_trs": 0,
  "dvars_nstd": 20.60483456270439,
  "dvars_std": 1.3164193414465408,
  "dvars_vstd": 0.990324549308176,
  "efc": 0.4081343933530784,
  "fber": 294114.75,
  "fd_mean": 0.12333645527097581,
  "fd_num": 16,
  "fd_perc": 10.0,
  "fwhm_avg": 1.8712144529332697,
  "fwhm_x": 1.8496733333333333,
  "fwhm_y": 2.0015366666666665,
  "fwhm_z": 1.7624333587998093,
  "gcor": 0.0282247,
  "gsr_x": -0.015161706134676933,
  "gsr_y": 0.00998316053301096,
  "provenance": {
    "md5sum": "9c0b59fc80a8d67064b7aa07bbec2bca",
    "settings": {
      "fd_thres": 0.2,
      "testing": false
    },
    "software": "mriqc",
    "version": "22.0.0rc1",
    "webapi_port": null,
    "webapi_url": "https://mriqc.nimh.nih.gov/api/v1"
  },
  "size_t": 160,
  "size_x": 80,
  "size_y": 80,
  "size_z": 36,
  "snr": 6.1196892748420515,
  "spacing_tr": 2.0,
  "spacing_x": 3.0,
  "spacing_y": 3.0,
  "spacing_z": 3.299999952316284,
  "summary_bg_k": 97.12479641026793,
  "summary_bg_mad": 55.945684557892875,
  "summary_bg_mean": 592.3826904296875,
  "summary_bg_median": 51.02986145019531,
  "summary_bg_n": 159496.0,
  "summary_bg_p05": 4.674126386642456,
  "summary_bg_p95": 2858.2540893554688,
  "summary_bg_stdv": 1809.3602294921875,
  "summary_fg_k": 1.6912967816988909,
  "summary_fg_mad": 4301.417060684125,
  "summary_fg_mean": 28838.576171875,
  "summary_fg_median": 28286.287109375,
  "summary_fg_n": 31867.0,
  "summary_fg_p05": 22450.375,
  "summary_fg_p95": 36708.2734375,
  "summary_fg_stdv": 4622.1044921875,
  "tsnr": 94.52041625976562
}