{
  "aor": 0.0028814375,
  "aqi": 0.00320224875,
  "bids_meta": {
    "AcquisitionNumber": 3,
    "BidsifyVersion": "0.3.5",
    "ConversionSoftware": "dcm2niix",
    "ConversionSoftwareVersion": "v1.0.20181125  GCC6.3.0",
    "EchoTime": 0.02763,
    "EffectiveEchoSpacing": 0.0006909035636805814,
    "FlipAngle": 76.1,
    "ImageComments": "PIOP2",
    "ImageOrientationPatientDICOM": [
      0.996733,
      0.0740221,
      -0.0322977,
      -0.0737203,
      0.997224,
      0.0104392
    ],
    "Manufacturer": "Philips",
    "NumberOfVolumesDiscardedByScanner": 2,
    "ParallelAcquisitionTechnique": "SENSE",
    "ParallelReductionFactorInPlane": 2,
    "PatientPosition": "HFS",
    "PhaseEncodingDirection": "j",
    "PhilipsRescaleIntercept": 0,
    "PhilipsRescaleSlope": 0.82515,
    "PhilipsScaleSlope": 0.0499652,
    "ProtocolName": "WIPtask-wm_boldSENSE",
    "PulseSequenceType": "gradient echo EPI",
    "ReconMatrixPE": 80,
    "RepetitionTime": 2,
    "SeriesDescription": "ImageMRSERIES",
    "SeriesNumber": 3,
    "SliceEncodingDirection": "k",
    "SliceTiming": [
      0.0,
      0.0556,
      0.1111,
      0.1667,
      0.2222,
      0.2778,
      0.3333,
      0.3889,
      0.4444,
      0.5,
      0.5556,
      0.6111,
      0.6667,
      0.7222,
      0.7778,
      0.8333,
      0.8889,
      0.9444,
      1.0,
      1.0556,
      1.1111,
      1.1667,
      1.2222,
      1.2778,
      1.3333,
      1.3889,
      1.4444,
      1.5,
      1.5556,
      1.6111,
      1.6667,
      1.7222,
      1.7778,
      1.8333,
      1.8889,
      1.9444
    ],
    "TaskName": "workingmemory",
    "TotalReadoutTime": 0.026945238983542674,
    "UsePhilipsFloatNotDisplayScaling": 1,
    "WaterFatShift": 12,
    "acq_id": "seq",
    "dataset": "ds002790",
    "modality": "bold",
    "subject_id": "0042",
    "task_id": "workingmemory"
  },
  "dummy_trs": 0,
  "dvars_nstd": 17.36327606805033,
  "dvars_std": 1.2208397844654086,
  "dvars_vstd": 0.9838147079245279,
  "efc": 0.4167409714935908,
  "fber": 221158.484375,
  "fd_mean": 0.10073212545688692,
  "fd_num": 0,
  "fd_perc": 0.0,
  "fwhm_avg": 2.138298999119272,
  "fwhm_x": 2.11247,
  "fwhm_y": 2.38813,
  "fwhm_z": 1.9142969973578163,
  "gcor": 0.0281065,
  "gsr_x": -0.021659208461642265,
  "gsr_y": 0.01034834235906601,
  "provenance": {
    "md5sum": "4a5cd7b8d23b9728295f7c0b4e5b29bd",
    "settings": {
      "fd_thres": 0.2,
      "testing": false
    },
    "software": "mriqc",
    "version": "22.0.0rc1",
    "webapi_port": null,
    "webapi_url": "https://mriqc.nimh.nih.gov/api/v1"
  },
  "size_t": 160,
  "size_x": 80,
  "size_y": 80,
  "size_z": 36,
  "snr": 5.641696349203816,
  "spacing_tr": 2.0,
  "spacing_x": 3.0,
  "spacing_y": 3.0,
  "spacing_z": 3.299999952316284,
  "summary_bg_k": 41.14496452684232,
  "summary_bg_mad": 60.22541292807544,
  "summary_bg_mean": 602.6187133789062,
  "summary_bg_median": 60.1673469543457,
  "summary_bg_n": 156881.0,
  "summary_bg_p05": 6.296243190765381,
  "summary_bg_p95": 2813.05224609375,
  "summary_bg_stdv": 1817.6519775390625,
  "summary_fg_k": 0.7577487934438518,
  "summary_fg_mad": 5073.421356114299,
  "summary_fg_mean": 29503.93359375,
  "summary_fg_median": 29194.73046875,
  "summary_fg_n": 33220.0,
  "summary_fg_p05": 21398.61953125,
  "summary_fg_p95": 37913.464062499996,
  "summary_fg_stdv": 5174.736328125,
  "tsnr": 93.75619506835938
}