{
  "bids_meta": {
    "AcquisitionNumber": 2,
    "BidsifyVersion": "0.3.5",
    "ConversionSoftware": "dcm2niix",
    "ConversionSoftwareVersion": "v1.0.20181125  GCC6.3.0",
    "EchoTime": 0.0038,
    "ImageComments": "PIOP2",
    "ImageOrientationPatientDICOM": [
      0.996866,
      0.0764506,
      -0.0203394,
      -0.0779299,
      0.993227,
      -0.0861804
    ],
    "Manufacturer": "Philips",
    "NumberSignalAcquisitions": 2,
    "PatientPosition": "HFS",
    "PhilipsRescaleIntercept": 0,
    "PhilipsRescaleSlope": 8.31331,
    "PhilipsScaleSlope": 0.00772733,
    "ProtocolName": "WIPT1anat_acq-6m_T1wSENSE",
    "ReconMatrixPE": 240,
    "RepetitionTime": 0.008243,
    "SeriesDescription": "ImageMRSERIES",
    "SeriesNumber": 2,
    "UsePhilipsFloatNotDisplayScaling": 1,
    "dataset": "ds002790",
    "modality": "T1w",
    "subject_id": "0132"
  },
  "cjv": 0.23514633100855803,
  "cnr": 5.100768658693828,
  "efc": 0.7533291239981307,
  "fber": 675.9458618164062,
  "fwhm_avg": 4.462416758907046,
  "fwhm_x": 4.27159,
  "fwhm_y": 4.47305,
  "fwhm_z": 4.642610276721137,
  "icvs_csf": 0.2549800099666085,
  "icvs_gm": 0.4046644442655484,
  "icvs_wm": 0.3403555457678431,
  "inu_med": 1.1537810564041138,
  "inu_range": 0.30019052028656,
  "provenance": {
    "md5sum": "3589f8c216feacc6ed0e4eaf6d55839d",
    "settings": {
      "testing": false
    },
    "software": "mriqc",
    "version": "22.0.0rc1",
    "warnings": {
      "large_rot_frame": true,
      "small_air_mask": true
    },
    "webapi_port": null,
    "webapi_url": "https://mriqc.nimh.nih.gov/api/v1"
  },
  "qi_1": 0.0,
  "qi_2": 9.16290880657291e-05,
  "rpve_csf": 27.93701962092157,
  "rpve_gm": 17.28642461004241,
  "rpve_wm": 26.51942109922181,
  "size_x": 240,
  "size_y": 240,
  "size_z": 220,
  "snr_csf": 2.9290829329017125,
  "snr_gm": 10.347923310948392,
  "snr_total": 12.805070708906195,
  "snr_wm": 25.138205882868487,
  "snrd_csf": 20.94009900897767,
  "snrd_gm": 45.24799635644315,
  "snrd_total": 46.078697578137174,
  "snrd_wm": 72.0479973689907,
  "spacing_x": 1.0,
  "spacing_y": 1.0,
  "spacing_z": 0.9999999403953552,
  "summary_bg_k": 6.2495602683208435,
  "summary_bg_mad": 9.093034671014465,
  "summary_bg_mean": 9.49931526184082,
  "summary_bg_median": 6.3190717697143555,
  "summary_bg_n": 139788.0,
  "summary_bg_p05": 0.0,
  "summary_bg_p95": 24.76127758026123,
  "summary_bg_stdv": 7.239199638366699,
  "summary_csf_k": -0.4188850237289987,
  "summary_csf_mad": 98.13760704199102,
  "summary_csf_mean": 276.65838623046875,
  "summary_csf_median": 290.64031982421875,
  "summary_csf_n": 9457.0,
  "summary_csf_p05": 101.2533676147461,
  "summary_csf_p95": 417.06985473632784,
  "summary_csf_stdv": 99.220458984375,
  "summary_gm_k": 0.659792107108339,
  "summary_gm_mad": 55.32231000373216,
  "summary_gm_mean": 631.8599853515625,
  "summary_gm_median": 628.0243530273438,
  "summary_gm_n": 21413.0,
  "summary_gm_p05": 540.0299560546875,
  "summary_gm_p95": 741.5498413085936,
  "summary_gm_stdv": 60.6894416809082,
  "summary_wm_k": 1.9008618943002338,
  "summary_wm_mad": 32.14588192747263,
  "summary_wm_mean": 997.084716796875,
  "summary_wm_median": 999.997802734375,
  "summary_wm_n": 157832.0,
  "summary_wm_p05": 925.874154663086,
  "summary_wm_p95": 1056.7314880371093,
  "summary_wm_stdv": 39.77987289428711,
  "tpm_overlap_csf": 0.165401890873909,
  "tpm_overlap_gm": 0.4462618827819824,
  "tpm_overlap_wm": 0.5084726214408875,
  "wm2max": 0.7013180641023264
}