{
  "bids_meta": {
    "AcquisitionNumber": 2,
    "BidsifyVersion": "0.3.5",
    "ConversionSoftware": "dcm2niix",
    "ConversionSoftwareVersion": "v1.0.20181125  GCC6.3.0",
    "EchoTime": 0.00374,
    "ImageComments": "PIOP2",
    "ImageOrientationPatientDICOM": [
      0.999087,
      0.0415074,
      -0.0100771,
      -0.0416995,
      0.998937,
      -0.0196668
    ],
    "Manufacturer": "Philips",
    "NumberSignalAcquisitions": 2,
    "PatientPosition": "HFS",
    "PhilipsRescaleIntercept": 0,
    "PhilipsRescaleSlope": 8.79048,
    "PhilipsScaleSlope": 0.00720249,
    "ProtocolName": "WIPT1anat_acq-6m_T1wSENSE",
    "ReconMatrixPE": 240,
    "RepetitionTime": 0.008149,
    "SeriesDescription": "ImageMRSERIES",
    "SeriesNumber": 2,
    "UsePhilipsFloatNotDisplayScaling": 1,
    "dataset": "ds002790",
    "modality": "T1w",
    "subject_id": "0038"
  },
  "cjv": 0.2645269520100699,
  "cnr": 4.713497571480219,
  "efc": 0.7384665255777934,
  "fber": 1592.744873046875,
  "fwhm_avg": 4.2898966666666665,
  "fwhm_x": 3.96039,
  "fwhm_y": 4.46371,
  "fwhm_z": 4.44559,
  "icvs_csf": 0.25288674510192816,
  "icvs_gm": 0.4002180679198362,
  "icvs_wm": 0.3468951869782357,
  "inu_med": 1.8215911388397217,
  "inu_range": 0.3024553775787351,
  "provenance": {
    "md5sum": "e4940b7c44ac7c25286b0b0ff64cfaad",
    "settings": {
      "testing": false
    },
    "software": "mriqc",
    "version": "22.0.0rc1",
    "warnings": {
      "large_rot_frame": true,
      "small_air_mask": true
    },
    "webapi_port": null,
    "webapi_url": "https://mriqc.nimh.nih.gov/api/v1"
  },
  "qi_1": 0.0,
  "qi_2": 5.9423521982668986e-05,
  "rpve_csf": 26.3266627255156,
  "rpve_gm": 16.267943543136898,
  "rpve_wm": 24.561565913943305,
  "size_x": 240,
  "size_y": 240,
  "size_z": 220,
  "snr_csf": 1.9599017045554117,
  "snr_gm": 9.44473049054757,
  "snr_total": 11.544982980490209,
  "snr_wm": 23.230316746367645,
  "snrd_csf": 24.156095964247463,
  "snrd_gm": 54.537138926933494,
  "snrd_total": 55.27791633170992,
  "snrd_wm": 87.1405141039488,
  "spacing_x": 1.0,
  "spacing_y": 1.0,
  "spacing_z": 1.0,
  "summary_bg_k": 104.68013138288639,
  "summary_bg_mad": 7.518127535525542,
  "summary_bg_mean": 7.576722621917725,
  "summary_bg_median": 5.146785259246826,
  "summary_bg_n": 172630.0,
  "summary_bg_p05": 0.0,
  "summary_bg_p95": 20.4264796257019,
  "summary_bg_stdv": 7.550548553466797,
  "summary_csf_k": 85.98485608997309,
  "summary_csf_mad": 106.36614437009807,
  "summary_csf_mean": 265.7353515625,
  "summary_csf_median": 277.20733642578125,
  "summary_csf_n": 10368.0,
  "summary_csf_p05": 87.64178466796875,
  "summary_csf_p95": 407.6589202880859,
  "summary_csf_stdv": 141.43258666992188,
  "summary_gm_k": 0.5297465321836641,
  "summary_gm_mad": 62.06116420369018,
  "summary_gm_mean": 625.689453125,
  "summary_gm_median": 625.85009765625,
  "summary_gm_n": 18085.0,
  "summary_gm_p05": 519.0551391601563,
  "summary_gm_p95": 738.2460693359375,
  "summary_gm_stdv": 66.26264190673828,
  "summary_wm_k": 1.1166505969029155,
  "summary_wm_mad": 36.910406586210236,
  "summary_wm_mean": 995.0623779296875,
  "summary_wm_median": 999.99560546875,
  "summary_wm_n": 173187.0,
  "summary_wm_p05": 915.0324645996094,
  "summary_wm_p95": 1056.9606689453124,
  "summary_wm_stdv": 43.04688262939453,
  "tpm_overlap_csf": 0.1636425107717514,
  "tpm_overlap_gm": 0.43209248781204224,
  "tpm_overlap_wm": 0.505403995513916,
  "wm2max": 0.7480224244652374
}