{
  "aor": 0.0031385650224215246,
  "aqi": 0.003784139641255605,
  "bids_meta": {
    "AcquisitionNumber": 7,
    "BidsifyVersion": "0.3.5",
    "ConversionSoftware": "dcm2niix",
    "ConversionSoftwareVersion": "v1.0.20181125  GCC6.3.0",
    "EchoTime": 0.02763,
    "EffectiveEchoSpacing": 0.0006909035636805814,
    "FlipAngle": 76.1,
    "ImageComments": "PIOP2",
    "ImageOrientationPatientDICOM": [
      0.999738,
      0.000230616,
      0.0228846,
      0.00104692,
      0.998442,
      -0.0557976
    ],
    "Manufacturer": "Philips",
    "NumberOfVolumesDiscardedByScanner": 2,
    "ParallelAcquisitionTechnique": "SENSE",
    "ParallelReductionFactorInPlane": 2,
    "PatientPosition": "HFS",
    "PhaseEncodingDirection": "j",
    "PhilipsRescaleIntercept": 0,
    "PhilipsRescaleSlope": 0.83346,
    "PhilipsScaleSlope": 0.0482401,
    "ProtocolName": "WIPtask-stop_boldSENSE",
    "PulseSequenceType": "gradient echo EPI",
    "ReconMatrixPE": 80,
    "RepetitionTime": 2,
    "SeriesDescription": "ImageMRSERIES",
    "SeriesNumber": 7,
    "SliceEncodingDirection": "k",
    "SliceTiming": [
      0.0,
      0.0556,
      0.1111,
      0.1667,
      0.2222,
      0.2778,
      0.3333,
      0.3889,
      0.4444,
      0.5,
      0.5556,
      0.6111,
      0.6667,
      0.7222,
      0.7778,
      0.8333,
      0.8889,
      0.9444,
      1.0,
      1.0556,
      1.1111,
      1.1667,
      1.2222,
      1.2778,
      1.3333,
      1.3889,
      1.4444,
      1.5,
      1.5556,
      1.6111,
      1.6667,
      1.7222,
      1.7778,
      1.8333,
      1.8889,
      1.9444
    ],
    "TaskName": "stopsignal",
    "TotalReadoutTime": 0.026945238983542674,
    "UsePhilipsFloatNotDisplayScaling": 1,
    "WaterFatShift": 12,
    "acq_id": "seq",
    "dataset": "ds002790",
    "modality": "bold",
    "subject_id": "0017",
    "task_id": "stopsignal"
  },
  "dummy_trs": 0,
  "dvars_nstd": 20.536793309234238,
  "dvars_std": 1.4003353958558555,
  "dvars_vstd": 1.0243132249549545,
  "efc": 0.4016965134069494,
  "fber": 270359.53125,
  "fd_mean": 0.12276967857053056,
  "fd_num": 15,
  "fd_perc": 6.726457399103139,
  "fwhm_avg": 1.988359907967778,
  "fwhm_x": 1.9210500000000001,
  "fwhm_y": 2.18006,
  "fwhm_z": 1.863969723903334,
  "gcor": 0.016623,
  "gsr_x": -0.020732449367642403,
  "gsr_y": 0.010056586936116219,
  "provenance": {
    "md5sum": "94df42d902cf93adf8343ba42e276233",
    "settings": {
      "fd_thres": 0.2,
      "testing": false
    },
    "software": "mriqc",
    "version": "22.0.0rc1",
    "webapi_port": null,
    "webapi_url": "https://mriqc.nimh.nih.gov/api/v1"
  },
  "size_t": 223,
  "size_x": 80,
  "size_y": 80,
  "size_z": 36,
  "snr": 5.7136027533187335,
  "spacing_tr": 2.0,
  "spacing_x": 3.0,
  "spacing_y": 3.0,
  "spacing_z": 3.299999952316284,
  "summary_bg_k": 87.02935952133281,
  "summary_bg_mad": 57.610583437805886,
  "summary_bg_mean": 595.3231811523438,
  "summary_bg_median": 54.30343246459961,
  "summary_bg_n": 160438.0,
  "summary_bg_p05": 4.126702451705933,
  "summary_bg_p95": 2819.027441406245,
  "summary_bg_stdv": 1978.3013916015625,
  "summary_fg_k": 2.101236340597013,
  "summary_fg_mad": 4395.395798380396,
  "summary_fg_mean": 29523.046875,
  "summary_fg_median": 28970.609375,
  "summary_fg_n": 30630.0,
  "summary_fg_p05": 22377.94873046875,
  "summary_fg_p95": 38228.4794921875,
  "summary_fg_stdv": 5070.3798828125,
  "tsnr": 100.46625518798828
}