{
  "aor": 0.002438375,
  "aqi": 0.002956319125,
  "bids_meta": {
    "AcquisitionNumber": 3,
    "BidsifyVersion": "0.3.5",
    "ConversionSoftware": "dcm2niix",
    "ConversionSoftwareVersion": "v1.0.20181125  GCC6.3.0",
    "EchoTime": 0.02763,
    "EffectiveEchoSpacing": 0.0006909035636805814,
    "FlipAngle": 76.1,
    "ImageComments": "PIOP2",
    "ImageOrientationPatientDICOM": [
      0.999738,
      0.000230616,
      0.0228846,
      0.00104692,
      0.998442,
      -0.0557976
    ],
    "Manufacturer": "Philips",
    "NumberOfVolumesDiscardedByScanner": 2,
    "ParallelAcquisitionTechnique": "SENSE",
    "ParallelReductionFactorInPlane": 2,
    "PatientPosition": "HFS",
    "PhaseEncodingDirection": "j",
    "PhilipsRescaleIntercept": 0,
    "PhilipsRescaleSlope": 0.78388,
    "PhilipsScaleSlope": 0.0495584,
    "ProtocolName": "WIPtask-wm_boldSENSE",
    "PulseSequenceType": "gradient echo EPI",
    "ReconMatrixPE": 80,
    "RepetitionTime": 2,
    "SeriesDescription": "ImageMRSERIES",
    "SeriesNumber": 3,
    "SliceEncodingDirection": "k",
    "SliceTiming": [
      0.0,
      0.0556,
      0.1111,
      0.1667,
      0.2222,
      0.2778,
      0.3333,
      0.3889,
      0.4444,
      0.5,
      0.5556,
      0.6111,
      0.6667,
      0.7222,
      0.7778,
      0.8333,
      0.8889,
      0.9444,
      1.0,
      1.0556,
      1.1111,
      1.1667,
      1.2222,
      1.2778,
      1.3333,
      1.3889,
      1.4444,
      1.5,
      1.5556,
      1.6111,
      1.6667,
      1.7222,
      1.7778,
      1.8333,
      1.8889,
      1.9444
    ],
    "TaskName": "workingmemory",
    "TotalReadoutTime": 0.026945238983542674,
    "UsePhilipsFloatNotDisplayScaling": 1,
    "WaterFatShift": 12,
    "acq_id": "seq",
    "dataset": "ds002790",
    "modality": "bold",
    "subject_id": "0017",
    "task_id": "workingmemory"
  },
  "dummy_trs": 0,
  "dvars_nstd": 20.90643507880502,
  "dvars_std": 1.3918043500628925,
  "dvars_vstd": 1.0156955970440256,
  "efc": 0.3994706813348192,
  "fber": 256669.0625,
  "fd_mean": 0.12265623417626378,
  "fd_num": 11,
  "fd_perc": 6.875,
  "fwhm_avg": 1.9952956655410983,
  "fwhm_x": 1.9258633333333333,
  "fwhm_y": 2.1965600000000003,
  "fwhm_z": 1.863463663289961,
  "gcor": 0.0210726,
  "gsr_x": -0.01979147084057331,
  "gsr_y": 0.010204590857028961,
  "provenance": {
    "md5sum": "04b34afdc96a86522e7c502cae8eb74e",
    "settings": {
      "fd_thres": 0.2,
      "testing": false
    },
    "software": "mriqc",
    "version": "22.0.0rc1",
    "webapi_port": null,
    "webapi_url": "https://mriqc.nimh.nih.gov/api/v1"
  },
  "size_t": 160,
  "size_x": 80,
  "size_y": 80,
  "size_z": 36,
  "snr": 5.662360195584199,
  "spacing_tr": 2.0,
  "spacing_x": 3.0,
  "spacing_y": 3.0,
  "spacing_z": 3.299999952316284,
  "summary_bg_k": 93.84127621953928,
  "summary_bg_mad": 57.186229386758356,
  "summary_bg_mean": 565.9000244140625,
  "summary_bg_median": 54.78358840942383,
  "summary_bg_n": 160521.0,
  "summary_bg_p05": 4.348727703094482,
  "summary_bg_p95": 2661.107666015625,
  "summary_bg_stdv": 1917.581787109375,
  "summary_fg_k": 2.1833756455306883,
  "summary_fg_mad": 4374.524986876725,
  "summary_fg_mean": 29179.68359375,
  "summary_fg_median": 28620.30078125,
  "summary_fg_n": 30580.0,
  "summary_fg_p05": 22083.7123046875,
  "summary_fg_p95": 37824.0150390625,
  "summary_fg_stdv": 5054.39990234375,
  "tsnr": 108.207763671875
}