{
  "bids_meta": {
    "AcquisitionNumber": 2,
    "BidsifyVersion": "0.3.5",
    "ConversionSoftware": "dcm2niix",
    "ConversionSoftwareVersion": "v1.0.20181125  GCC6.3.0",
    "EchoTime": 0.00373,
    "ImageComments": "PIOP2",
    "ImageOrientationPatientDICOM": [
      0.998587,
      0.0465024,
      -0.0257142,
      -0.0460442,
      0.998775,
      0.0181325
    ],
    "Manufacturer": "Philips",
    "NumberSignalAcquisitions": 2,
    "PatientPosition": "HFS",
    "PhilipsRescaleIntercept": 0,
    "PhilipsRescaleSlope": 9.73968,
    "PhilipsScaleSlope": 0.00706809,
    "ProtocolName": "WIPT1anat_acq-6m_T1wSENSE",
    "ReconMatrixPE": 240,
    "RepetitionTime": 0.008134,
    "SeriesDescription": "ImageMRSERIES",
    "SeriesNumber": 2,
    "UsePhilipsFloatNotDisplayScaling": 1,
    "dataset": "ds002790",
    "modality": "T1w",
    "subject_id": "0136"
  },
  "cjv": 0.25881023070434783,
  "cnr": 4.602173387469835,
  "efc": 0.7697347514453632,
  "fber": 1489.115478515625,
  "fwhm_avg": 4.439046666666666,
  "fwhm_x": 4.22912,
  "fwhm_y": 4.4799,
  "fwhm_z": 4.60812,
  "icvs_csf": 0.26945641312670965,
  "icvs_gm": 0.3709100929706402,
  "icvs_wm": 0.35963349390265015,
  "inu_med": 2.421863555908203,
  "inu_range": 0.5588486671447752,
  "provenance": {
    "md5sum": "4834b8eb1b54558ecbb3287d1ad426d0",
    "settings": {
      "testing": false
    },
    "software": "mriqc",
    "version": "22.0.0rc1",
    "warnings": {
      "large_rot_frame": true,
      "small_air_mask": true
    },
    "webapi_port": null,
    "webapi_url": "https://mriqc.nimh.nih.gov/api/v1"
  },
  "qi_1": 0.0,
  "qi_2": 0.00036514444910693103,
  "rpve_csf": 23.649581201654467,
  "rpve_gm": 15.8429133698416,
  "rpve_wm": 22.34546417988743,
  "size_x": 240,
  "size_y": 240,
  "size_z": 220,
  "snr_csf": 3.0544416246588124,
  "snr_gm": 8.94408532623833,
  "snr_total": 13.370784373703385,
  "snr_wm": 28.113826170213013,
  "snrd_csf": 23.89024013812103,
  "snrd_gm": 48.053818447470846,
  "snrd_total": 49.250191929458516,
  "snrd_wm": 75.80651720278367,
  "spacing_x": 1.0,
  "spacing_y": 1.0,
  "spacing_z": 1.0,
  "summary_bg_k": 235.54690957246504,
  "summary_bg_mad": 8.642165384634794,
  "summary_bg_mean": 8.22578239440918,
  "summary_bg_median": 5.986464500427246,
  "summary_bg_n": 87329.0,
  "summary_bg_p05": 0.0,
  "summary_bg_p95": 18.111206436157225,
  "summary_bg_stdv": 6.327805042266846,
  "summary_csf_k": -0.3477992092452764,
  "summary_csf_mad": 104.63091429859486,
  "summary_csf_mean": 302.7164611816406,
  "summary_csf_median": 315.14569091796875,
  "summary_csf_n": 16086.0,
  "summary_csf_p05": 112.45401191711426,
  "summary_csf_p95": 448.5452346801758,
  "summary_csf_stdv": 103.1729965209961,
  "summary_gm_k": 0.7032806757849595,
  "summary_gm_mad": 63.7413079653475,
  "summary_gm_mean": 640.8190307617188,
  "summary_gm_median": 633.8970947265625,
  "summary_gm_n": 19692.0,
  "summary_gm_p05": 536.0681335449219,
  "summary_gm_p95": 769.6473449707032,
  "summary_gm_stdv": 70.87152862548828,
  "summary_wm_k": 1.4891588633138042,
  "summary_wm_mad": 31.008321350761573,
  "summary_wm_mean": 997.5697021484375,
  "summary_wm_median": 999.9940185546875,
  "summary_wm_n": 209241.0,
  "summary_wm_p05": 934.7218017578125,
  "summary_wm_p95": 1051.0123291015625,
  "summary_wm_stdv": 35.56938934326172,
  "tpm_overlap_csf": 0.16042441129684448,
  "tpm_overlap_gm": 0.4291733503341675,
  "tpm_overlap_wm": 0.5134164690971375,
  "wm2max": 0.8158579061724808
}