{
  "aor": 0.0014556666666666667,
  "aqi": 0.0024245539583333336,
  "bids_meta": {
    "AcquisitionNumber": 4,
    "BidsifyVersion": "0.3.5",
    "ConversionSoftware": "dcm2niix",
    "ConversionSoftwareVersion": "v1.0.20181125  GCC6.3.0",
    "EchoTime": 0.02763,
    "EffectiveEchoSpacing": 0.0006909035636805814,
    "FlipAngle": 76.1,
    "ImageComments": "PIOP2",
    "ImageOrientationPatientDICOM": [
      0.997754,
      0.0412032,
      -0.0528107,
      -0.0372835,
      0.996622,
      0.0731723
    ],
    "Manufacturer": "Philips",
    "NumberOfVolumesDiscardedByScanner": 2,
    "ParallelAcquisitionTechnique": "SENSE",
    "ParallelReductionFactorInPlane": 2,
    "PatientPosition": "HFS",
    "PhaseEncodingDirection": "j",
    "PhilipsRescaleIntercept": 0,
    "PhilipsRescaleSlope": 0.76777,
    "PhilipsScaleSlope": 0.0585113,
    "ProtocolName": "WIPtask-rest_boldSENSE",
    "PulseSequenceType": "gradient echo EPI",
    "ReconMatrixPE": 80,
    "RepetitionTime": 2,
    "SeriesDescription": "ImageMRSERIES",
    "SeriesNumber": 4,
    "SliceEncodingDirection": "k",
    "SliceTiming": [
      0.0,
      0.0556,
      0.1111,
      0.1667,
      0.2222,
      0.2778,
      0.3333,
      0.3889,
      0.4444,
      0.5,
      0.5556,
      0.6111,
      0.6667,
      0.7222,
      0.7778,
      0.8333,
      0.8889,
      0.9444,
      1.0,
      1.0556,
      1.1111,
      1.1667,
      1.2222,
      1.2778,
      1.3333,
      1.3889,
      1.4444,
      1.5,
      1.5556,
      1.6111,
      1.6667,
      1.7222,
      1.7778,
      1.8333,
      1.8889,
      1.9444
    ],
    "TaskName": "restingstate",
    "TotalReadoutTime": 0.026945238983542674,
    "UsePhilipsFloatNotDisplayScaling": 1,
    "WaterFatShift": 12,
    "acq_id": "seq",
    "dataset": "ds002790",
    "modality": "bold",
    "subject_id": "0101",
    "task_id": "restingstate"
  },
  "dummy_trs": 0,
  "dvars_nstd": 14.542454308284517,
  "dvars_std": 1.1075479510878659,
  "dvars_vstd": 1.003183021966527,
  "efc": 0.40825673482164926,
  "fber": 201162.921875,
  "fd_mean": 0.09406071027470927,
  "fd_num": 2,
  "fd_perc": 0.8333333333333334,
  "fwhm_avg": 2.141821928736734,
  "fwhm_x": 2.0615833333333335,
  "fwhm_y": 2.382206666666667,
  "fwhm_z": 1.9816757862102015,
  "gcor": 0.0382515,
  "gsr_x": -0.025112681090831757,
  "gsr_y": 0.014468498528003693,
  "provenance": {
    "md5sum": "d4dd62c917c5931430e8ce062df04620",
    "settings": {
      "fd_thres": 0.2,
      "testing": false
    },
    "software": "mriqc",
    "version": "22.0.0rc1",
    "webapi_port": null,
    "webapi_url": "https://mriqc.nimh.nih.gov/api/v1"
  },
  "size_t": 240,
  "size_x": 80,
  "size_y": 80,
  "size_z": 36,
  "snr": 5.479895763782499,
  "spacing_tr": 2.0,
  "spacing_x": 3.0,
  "spacing_y": 3.0,
  "spacing_z": 3.299999952316284,
  "summary_bg_k": 59.29923393005638,
  "summary_bg_mad": 56.744369596434595,
  "summary_bg_mean": 489.2434387207031,
  "summary_bg_median": 53.06678009033203,
  "summary_bg_n": 158768.0,
  "summary_bg_p05": 4.864134693145752,
  "summary_bg_p95": 2386.559326171874,
  "summary_bg_stdv": 1402.873046875,
  "summary_fg_k": 1.5252509630864477,
  "summary_fg_mad": 3985.967377329937,
  "summary_fg_mean": 25257.34375,
  "summary_fg_median": 24702.86328125,
  "summary_fg_n": 32149.0,
  "summary_fg_p05": 18792.88828125,
  "summary_fg_p95": 33174.57421874999,
  "summary_fg_stdv": 4507.83740234375,
  "tsnr": 106.79844665527344
}