{
  "aor": 0.0027,
  "aqi": 0.0025247682222222225,
  "bids_meta": {
    "AcquisitionNumber": 8,
    "BidsifyVersion": "0.3.5",
    "ConversionSoftware": "dcm2niix",
    "ConversionSoftwareVersion": "v1.0.20181125  GCC6.3.0",
    "EchoTime": 0.02763,
    "EffectiveEchoSpacing": 0.0006909035636805814,
    "FlipAngle": 76.1,
    "ImageComments": "PIOP2",
    "ImageOrientationPatientDICOM": [
      0.997754,
      0.0412032,
      -0.0528107,
      -0.0372835,
      0.996622,
      0.0731723
    ],
    "Manufacturer": "Philips",
    "NumberOfVolumesDiscardedByScanner": 2,
    "ParallelAcquisitionTechnique": "SENSE",
    "ParallelReductionFactorInPlane": 2,
    "PatientPosition": "HFS",
    "PhaseEncodingDirection": "j",
    "PhilipsRescaleIntercept": 0,
    "PhilipsRescaleSlope": 0.78388,
    "PhilipsScaleSlope": 0.0590935,
    "ProtocolName": "WIPtask-harriri_boldSENSE",
    "PulseSequenceType": "gradient echo EPI",
    "ReconMatrixPE": 80,
    "RepetitionTime": 2,
    "SeriesDescription": "ImageMRSERIES",
    "SeriesNumber": 8,
    "SliceEncodingDirection": "k",
    "SliceTiming": [
      0.0,
      0.0556,
      0.1111,
      0.1667,
      0.2222,
      0.2778,
      0.3333,
      0.3889,
      0.4444,
      0.5,
      0.5556,
      0.6111,
      0.6667,
      0.7222,
      0.7778,
      0.8333,
      0.8889,
      0.9444,
      1.0,
      1.0556,
      1.1111,
      1.1667,
      1.2222,
      1.2778,
      1.3333,
      1.3889,
      1.4444,
      1.5,
      1.5556,
      1.6111,
      1.6667,
      1.7222,
      1.7778,
      1.8333,
      1.8889,
      1.9444
    ],
    "TaskName": "emomatching",
    "TotalReadoutTime": 0.026945238983542674,
    "UsePhilipsFloatNotDisplayScaling": 1,
    "WaterFatShift": 12,
    "acq_id": "seq",
    "dataset": "ds002790",
    "modality": "bold",
    "subject_id": "0101",
    "task_id": "emomatching"
  },
  "dummy_trs": 0,
  "dvars_nstd": 14.515618231791047,
  "dvars_std": 1.138061389701493,
  "dvars_vstd": 1.0280250481343287,
  "efc": 0.4091567890601251,
  "fber": 240085.84375,
  "fd_mean": 0.0894768775391051,
  "fd_num": 0,
  "fd_perc": 0.0,
  "fwhm_avg": 2.1575726359176373,
  "fwhm_x": 2.071353333333333,
  "fwhm_y": 2.39681,
  "fwhm_z": 2.004554574419579,
  "gcor": 0.0257718,
  "gsr_x": -0.025515055283904076,
  "gsr_y": 0.014664559625089169,
  "provenance": {
    "md5sum": "ef2a12cc4a37627d9ac1ba462c8221c0",
    "settings": {
      "fd_thres": 0.2,
      "testing": false
    },
    "software": "mriqc",
    "version": "22.0.0rc1",
    "webapi_port": null,
    "webapi_url": "https://mriqc.nimh.nih.gov/api/v1"
  },
  "size_t": 135,
  "size_x": 80,
  "size_y": 80,
  "size_z": 36,
  "snr": 5.513136012241653,
  "spacing_tr": 2.0,
  "spacing_x": 3.0,
  "spacing_y": 3.0,
  "spacing_z": 3.299999952316284,
  "summary_bg_k": 57.9019581265185,
  "summary_bg_mad": 52.72302514617425,
  "summary_bg_mean": 505.0904235839844,
  "summary_bg_median": 49.14912414550781,
  "summary_bg_n": 158806.0,
  "summary_bg_p05": 4.593516707420349,
  "summary_bg_p95": 2492.088623046875,
  "summary_bg_stdv": 1441.263427734375,
  "summary_fg_k": 1.4066688300986332,
  "summary_fg_mad": 3994.787702247062,
  "summary_fg_mean": 25342.869140625,
  "summary_fg_median": 24818.7421875,
  "summary_fg_n": 32154.0,
  "summary_fg_p05": 18832.8775390625,
  "summary_fg_p95": 33291.92421875,
  "summary_fg_stdv": 4501.6767578125,
  "tsnr": 108.52843475341797
}