{
  "aor": 0.0018199375,
  "aqi": 0.0024507688125,
  "bids_meta": {
    "AcquisitionNumber": 3,
    "BidsifyVersion": "0.3.5",
    "ConversionSoftware": "dcm2niix",
    "ConversionSoftwareVersion": "v1.0.20181125  GCC6.3.0",
    "EchoTime": 0.02763,
    "EffectiveEchoSpacing": 0.0006909035636805814,
    "FlipAngle": 76.1,
    "ImageComments": "PIOP2",
    "ImageOrientationPatientDICOM": [
      0.997754,
      0.0412032,
      -0.0528107,
      -0.0372835,
      0.996622,
      0.0731723
    ],
    "Manufacturer": "Philips",
    "NumberOfVolumesDiscardedByScanner": 2,
    "ParallelAcquisitionTechnique": "SENSE",
    "ParallelReductionFactorInPlane": 2,
    "PatientPosition": "HFS",
    "PhaseEncodingDirection": "j",
    "PhilipsRescaleIntercept": 0,
    "PhilipsRescaleSlope": 0.80317,
    "PhilipsScaleSlope": 0.0561294,
    "ProtocolName": "WIPtask-wm_boldSENSE",
    "PulseSequenceType": "gradient echo EPI",
    "ReconMatrixPE": 80,
    "RepetitionTime": 2,
    "SeriesDescription": "ImageMRSERIES",
    "SeriesNumber": 3,
    "SliceEncodingDirection": "k",
    "SliceTiming": [
      0.0,
      0.0556,
      0.1111,
      0.1667,
      0.2222,
      0.2778,
      0.3333,
      0.3889,
      0.4444,
      0.5,
      0.5556,
      0.6111,
      0.6667,
      0.7222,
      0.7778,
      0.8333,
      0.8889,
      0.9444,
      1.0,
      1.0556,
      1.1111,
      1.1667,
      1.2222,
      1.2778,
      1.3333,
      1.3889,
      1.4444,
      1.5,
      1.5556,
      1.6111,
      1.6667,
      1.7222,
      1.7778,
      1.8333,
      1.8889,
      1.9444
    ],
    "TaskName": "workingmemory",
    "TotalReadoutTime": 0.026945238983542674,
    "UsePhilipsFloatNotDisplayScaling": 1,
    "WaterFatShift": 12,
    "acq_id": "seq",
    "dataset": "ds002790",
    "modality": "bold",
    "subject_id": "0101",
    "task_id": "workingmemory"
  },
  "dummy_trs": 0,
  "dvars_nstd": 17.0106453145912,
  "dvars_std": 1.1914644515094337,
  "dvars_vstd": 1.0058243037735843,
  "efc": 0.40710277054537175,
  "fber": 212397.515625,
  "fd_mean": 0.09097016391160502,
  "fd_num": 2,
  "fd_perc": 1.25,
  "fwhm_avg": 2.167638696609199,
  "fwhm_x": 2.0870366666666667,
  "fwhm_y": 2.3935733333333333,
  "fwhm_z": 2.022306089827597,
  "gcor": 0.0467881,
  "gsr_x": -0.024978214874863625,
  "gsr_y": 0.014382689259946346,
  "provenance": {
    "md5sum": "f47d1e39e635f1da950c6fed9779e686",
    "settings": {
      "fd_thres": 0.2,
      "testing": false
    },
    "software": "mriqc",
    "version": "22.0.0rc1",
    "webapi_port": null,
    "webapi_url": "https://mriqc.nimh.nih.gov/api/v1"
  },
  "size_t": 160,
  "size_x": 80,
  "size_y": 80,
  "size_z": 36,
  "snr": 5.388318913788034,
  "spacing_tr": 2.0,
  "spacing_x": 3.0,
  "spacing_y": 3.0,
  "spacing_z": 3.299999952316284,
  "summary_bg_k": 58.161472016714846,
  "summary_bg_mad": 55.094380499307135,
  "summary_bg_mean": 485.4383850097656,
  "summary_bg_median": 52.333370208740234,
  "summary_bg_n": 158787.0,
  "summary_bg_p05": 4.8693828105926515,
  "summary_bg_p95": 2378.138598632808,
  "summary_bg_stdv": 1401.9132080078125,
  "summary_fg_k": 1.53312127198285,
  "summary_fg_mad": 4085.405971438301,
  "summary_fg_mean": 25521.861328125,
  "summary_fg_median": 24949.37109375,
  "summary_fg_n": 32072.0,
  "summary_fg_p05": 18868.564843750002,
  "summary_fg_p95": 33687.17480468749,
  "summary_fg_stdv": 4630.19775390625,
  "tsnr": 105.9783706665039
}