{
  "aor": 0.0019089285714285716,
  "aqi": 0.0023503239285714286,
  "bids_meta": {
    "AcquisitionNumber": 7,
    "BidsifyVersion": "0.3.5",
    "ConversionSoftware": "dcm2niix",
    "ConversionSoftwareVersion": "v1.0.20181125  GCC6.3.0",
    "EchoTime": 0.02763,
    "EffectiveEchoSpacing": 0.0006909035636805814,
    "FlipAngle": 76.1,
    "ImageComments": "PIOP2",
    "ImageOrientationPatientDICOM": [
      0.997754,
      0.0412032,
      -0.0528107,
      -0.0372835,
      0.996622,
      0.0731723
    ],
    "Manufacturer": "Philips",
    "NumberOfVolumesDiscardedByScanner": 2,
    "ParallelAcquisitionTechnique": "SENSE",
    "ParallelReductionFactorInPlane": 2,
    "PatientPosition": "HFS",
    "PhaseEncodingDirection": "j",
    "PhilipsRescaleIntercept": 0,
    "PhilipsRescaleSlope": 0.78877,
    "PhilipsScaleSlope": 0.0597993,
    "ProtocolName": "WIPtask-stop_boldSENSE",
    "PulseSequenceType": "gradient echo EPI",
    "ReconMatrixPE": 80,
    "RepetitionTime": 2,
    "SeriesDescription": "ImageMRSERIES",
    "SeriesNumber": 7,
    "SliceEncodingDirection": "k",
    "SliceTiming": [
      0.0,
      0.0556,
      0.1111,
      0.1667,
      0.2222,
      0.2778,
      0.3333,
      0.3889,
      0.4444,
      0.5,
      0.5556,
      0.6111,
      0.6667,
      0.7222,
      0.7778,
      0.8333,
      0.8889,
      0.9444,
      1.0,
      1.0556,
      1.1111,
      1.1667,
      1.2222,
      1.2778,
      1.3333,
      1.3889,
      1.4444,
      1.5,
      1.5556,
      1.6111,
      1.6667,
      1.7222,
      1.7778,
      1.8333,
      1.8889,
      1.9444
    ],
    "TaskName": "stopsignal",
    "TotalReadoutTime": 0.026945238983542674,
    "UsePhilipsFloatNotDisplayScaling": 1,
    "WaterFatShift": 12,
    "acq_id": "seq",
    "dataset": "ds002790",
    "modality": "bold",
    "subject_id": "0101",
    "task_id": "stopsignal"
  },
  "dummy_trs": 0,
  "dvars_nstd": 15.25812623757848,
  "dvars_std": 1.1382054937219737,
  "dvars_vstd": 1.0080448157847532,
  "efc": 0.40853943835659934,
  "fber": 243918.25,
  "fd_mean": 0.089248372429582,
  "fd_num": 1,
  "fd_perc": 0.44642857142857145,
  "fwhm_avg": 2.16051324200545,
  "fwhm_x": 2.0815633333333334,
  "fwhm_y": 2.3897733333333333,
  "fwhm_z": 2.0102030593496822,
  "gcor": 0.0241104,
  "gsr_x": -0.025316623970866203,
  "gsr_y": 0.014430985786020756,
  "provenance": {
    "md5sum": "687bf2db0ee3dca1fa7308e97589fc73",
    "settings": {
      "fd_thres": 0.2,
      "testing": false
    },
    "software": "mriqc",
    "version": "22.0.0rc1",
    "webapi_port": null,
    "webapi_url": "https://mriqc.nimh.nih.gov/api/v1"
  },
  "size_t": 224,
  "size_x": 80,
  "size_y": 80,
  "size_z": 36,
  "snr": 5.497782360315998,
  "spacing_tr": 2.0,
  "spacing_x": 3.0,
  "spacing_y": 3.0,
  "spacing_z": 3.299999952316284,
  "summary_bg_k": 59.11025900008528,
  "summary_bg_mad": 51.33733015313627,
  "summary_bg_mean": 490.6749572753906,
  "summary_bg_median": 48.27920913696289,
  "summary_bg_n": 158647.0,
  "summary_bg_p05": 4.5436992168426515,
  "summary_bg_p95": 2427.0611816406235,
  "summary_bg_stdv": 1409.3587646484375,
  "summary_fg_k": 1.4576477476946934,
  "summary_fg_mad": 3947.3531183772566,
  "summary_fg_mean": 25165.44921875,
  "summary_fg_median": 24623.197265625,
  "summary_fg_n": 32143.0,
  "summary_fg_p05": 18653.151171875,
  "summary_fg_p95": 33053.94921875,
  "summary_fg_stdv": 4478.68115234375,
  "tsnr": 113.06462097167969
}