{
  "aor": 0.0028721249999999997,
  "aqi": 0.006654752312500001,
  "bids_meta": {
    "AcquisitionNumber": 3,
    "BidsifyVersion": "0.3.5",
    "ConversionSoftware": "dcm2niix",
    "ConversionSoftwareVersion": "v1.0.20181125  GCC6.3.0",
    "EchoTime": 0.02763,
    "FlipAngle": 76.1,
    "ImageComments": "PIOP2",
    "ImageOrientationPatientDICOM": [
      0.998865,
      -0.0415419,
      -0.0232895,
      0.0369759,
      0.984664,
      -0.1705
    ],
    "Manufacturer": "Philips",
    "NumberOfVolumesDiscardedByScanner": 2,
    "ParallelAcquisitionTechnique": "SENSE",
    "ParallelReductionFactorInPlane": 2,
    "PatientPosition": "HFS",
    "PhaseEncodingDirection": "j",
    "PhilipsRescaleIntercept": 0,
    "PhilipsRescaleSlope": 0.87228,
    "PhilipsScaleSlope": 0.0588827,
    "ProtocolName": "WIPtask-wm_boldSENSE",
    "PulseSequenceType": "gradient echo EPI",
    "ReconMatrixPE": 80,
    "RepetitionTime": 2,
    "SeriesDescription": "ImageMRSERIES",
    "SeriesNumber": 3,
    "SliceEncodingDirection": "k",
    "TaskName": "workingmemory",
    "UsePhilipsFloatNotDisplayScaling": 1,
    "WaterFatShift": 12,
    "acq_id": "seq",
    "dataset": "ds002790",
    "modality": "bold",
    "subject_id": "0205",
    "task_id": "workingmemory"
  },
  "dummy_trs": 0,
  "dvars_nstd": 16.55596907628931,
  "dvars_std": 1.141848051257862,
  "dvars_vstd": 0.9558193527044022,
  "efc": 0.436828287245344,
  "fber": 249318.21875,
  "fd_mean": 0.10459305036669678,
  "fd_num": 7,
  "fd_perc": 4.375,
  "fwhm_avg": 1.9159727358117322,
  "fwhm_x": 1.8814433333333334,
  "fwhm_y": 2.0936233333333334,
  "fwhm_z": 1.7728515407685301,
  "gcor": 0.0521232,
  "gsr_x": -0.012543394230306149,
  "gsr_y": 0.011816336773335934,
  "provenance": {
    "md5sum": "6f5286ee21faaf98c6ff39fcca817f72",
    "settings": {
      "fd_thres": 0.2,
      "testing": false
    },
    "software": "mriqc",
    "version": "23.0.1",
    "webapi_port": null,
    "webapi_url": "https://mriqc.nimh.nih.gov/api/v1"
  },
  "size_t": 160,
  "size_x": 80,
  "size_y": 80,
  "size_z": 36,
  "snr": 7.203096302488626,
  "spacing_tr": 2.0,
  "spacing_x": 3.0,
  "spacing_y": 3.0,
  "spacing_z": 3.299999952316284,
  "summary_bg_k": 54.81175522567078,
  "summary_bg_mad": 55.22886829534443,
  "summary_bg_mean": 677.5280151367188,
  "summary_bg_median": 52.399898529052734,
  "summary_bg_n": 154307.0,
  "summary_bg_p05": 5.799981784820557,
  "summary_bg_p95": 3955.380102539034,
  "summary_bg_stdv": 1988.5751953125,
  "summary_fg_k": 1.0794952445026498,
  "summary_fg_mad": 3701.6552362718235,
  "summary_fg_mean": 26819.412109375,
  "summary_fg_median": 26622.384765625,
  "summary_fg_n": 35433.0,
  "summary_fg_p05": 21272.6046875,
  "summary_fg_p95": 32847.771875,
  "summary_fg_stdv": 3695.911865234375,
  "tsnr": 83.62664794921875
}