{
  "aor": 0.002486,
  "aqi": 0.00509097888888889,
  "bids_meta": {
    "AcquisitionNumber": 8,
    "BidsifyVersion": "0.3.5",
    "ConversionSoftware": "dcm2niix",
    "ConversionSoftwareVersion": "v1.0.20181125  GCC6.3.0",
    "EchoTime": 0.02763,
    "FlipAngle": 76.1,
    "ImageComments": "PIOP2",
    "ImageOrientationPatientDICOM": [
      0.998865,
      -0.0415419,
      -0.0232895,
      0.0369759,
      0.984664,
      -0.1705
    ],
    "Manufacturer": "Philips",
    "NumberOfVolumesDiscardedByScanner": 2,
    "ParallelAcquisitionTechnique": "SENSE",
    "ParallelReductionFactorInPlane": 2,
    "PatientPosition": "HFS",
    "PhaseEncodingDirection": "j",
    "PhilipsRescaleIntercept": 0,
    "PhilipsRescaleSlope": 0.79878,
    "PhilipsScaleSlope": 0.0623577,
    "ProtocolName": "WIPtask-harriri_boldSENSE",
    "PulseSequenceType": "gradient echo EPI",
    "ReconMatrixPE": 80,
    "RepetitionTime": 2,
    "SeriesDescription": "ImageMRSERIES",
    "SeriesNumber": 8,
    "SliceEncodingDirection": "k",
    "TaskName": "emomatching",
    "UsePhilipsFloatNotDisplayScaling": 1,
    "WaterFatShift": 12,
    "acq_id": "seq",
    "dataset": "ds002790",
    "modality": "bold",
    "subject_id": "0205",
    "task_id": "emomatching"
  },
  "dummy_trs": 0,
  "dvars_nstd": 18.407077561343282,
  "dvars_std": 1.2588390176119404,
  "dvars_vstd": 1.0088029298507466,
  "efc": 0.43886838272428025,
  "fber": 237770.140625,
  "fd_mean": 0.11754077066455572,
  "fd_num": 11,
  "fd_perc": 8.148148148148149,
  "fwhm_avg": 1.9148117258452497,
  "fwhm_x": 1.8693733333333336,
  "fwhm_y": 2.07428,
  "fwhm_z": 1.8007818442024153,
  "gcor": 0.0602785,
  "gsr_x": -0.012651544995605946,
  "gsr_y": 0.01084971521049738,
  "provenance": {
    "md5sum": "9236865333cff6634e9cf36b37368015",
    "settings": {
      "fd_thres": 0.2,
      "testing": false
    },
    "software": "mriqc",
    "version": "23.0.1",
    "webapi_port": null,
    "webapi_url": "https://mriqc.nimh.nih.gov/api/v1"
  },
  "size_t": 135,
  "size_x": 80,
  "size_y": 80,
  "size_z": 36,
  "snr": 7.1257044985975,
  "spacing_tr": 2.0,
  "spacing_x": 3.0,
  "spacing_y": 3.0,
  "spacing_z": 3.299999952316284,
  "summary_bg_k": 51.77794443706075,
  "summary_bg_mad": 55.66246938095028,
  "summary_bg_mean": 704.3810424804688,
  "summary_bg_median": 52.92131423950195,
  "summary_bg_n": 154261.0,
  "summary_bg_p05": 5.792461395263672,
  "summary_bg_p95": 4146.92236328125,
  "summary_bg_stdv": 2038.663818359375,
  "summary_fg_k": 1.2933071580282274,
  "summary_fg_mad": 3659.0897844926767,
  "summary_fg_mean": 26541.66796875,
  "summary_fg_median": 26319.953125,
  "summary_fg_n": 35542.0,
  "summary_fg_p05": 21097.5466796875,
  "summary_fg_p95": 32592.0775390625,
  "summary_fg_stdv": 3693.611328125,
  "tsnr": 92.4486083984375
}