{
  "aor": 0.0017413215859030837,
  "aqi": 0.0038600457268722467,
  "bids_meta": {
    "AcquisitionNumber": 7,
    "BidsifyVersion": "0.3.5",
    "ConversionSoftware": "dcm2niix",
    "ConversionSoftwareVersion": "v1.0.20181125  GCC6.3.0",
    "EchoTime": 0.02763,
    "FlipAngle": 76.1,
    "ImageComments": "PIOP2",
    "ImageOrientationPatientDICOM": [
      0.998865,
      -0.0415419,
      -0.0232895,
      0.0369759,
      0.984664,
      -0.1705
    ],
    "Manufacturer": "Philips",
    "NumberOfVolumesDiscardedByScanner": 2,
    "ParallelAcquisitionTechnique": "SENSE",
    "ParallelReductionFactorInPlane": 2,
    "PatientPosition": "HFS",
    "PhaseEncodingDirection": "j",
    "PhilipsRescaleIntercept": 0,
    "PhilipsRescaleSlope": 0.79976,
    "PhilipsScaleSlope": 0.0653314,
    "ProtocolName": "WIPtask-stop_boldSENSE",
    "PulseSequenceType": "gradient echo EPI",
    "ReconMatrixPE": 80,
    "RepetitionTime": 2,
    "SeriesDescription": "ImageMRSERIES",
    "SeriesNumber": 7,
    "SliceEncodingDirection": "k",
    "TaskName": "stopsignal",
    "UsePhilipsFloatNotDisplayScaling": 1,
    "WaterFatShift": 12,
    "acq_id": "seq",
    "dataset": "ds002790",
    "modality": "bold",
    "subject_id": "0205",
    "task_id": "stopsignal"
  },
  "dummy_trs": 4,
  "dvars_nstd": 17.480787399380528,
  "dvars_std": 1.2778106305309742,
  "dvars_vstd": 1.0126408106194698,
  "efc": 0.439198045610803,
  "fber": 241518.046875,
  "fd_mean": 0.09081684218349459,
  "fd_num": 3,
  "fd_perc": 1.3215859030837005,
  "fwhm_avg": 1.8963473822826111,
  "fwhm_x": 1.8458933333333334,
  "fwhm_y": 2.0690033333333333,
  "fwhm_z": 1.7741454801811665,
  "gcor": 0.0486435,
  "gsr_x": -0.012486415915191174,
  "gsr_y": 0.011399812996387482,
  "provenance": {
    "md5sum": "7948c64a8b3f30677e77fa876bc4e468",
    "settings": {
      "fd_thres": 0.2,
      "testing": false
    },
    "software": "mriqc",
    "version": "23.0.1",
    "webapi_port": null,
    "webapi_url": "https://mriqc.nimh.nih.gov/api/v1"
  },
  "size_t": 227,
  "size_x": 80,
  "size_y": 80,
  "size_z": 36,
  "snr": 7.284069898587512,
  "spacing_tr": 2.0,
  "spacing_x": 3.0,
  "spacing_y": 3.0,
  "spacing_z": 3.299999952316284,
  "summary_bg_k": 50.98113915204019,
  "summary_bg_mad": 55.0006743879435,
  "summary_bg_mean": 704.5191650390625,
  "summary_bg_median": 52.8119010925293,
  "summary_bg_n": 154177.0,
  "summary_bg_p05": 6.334024715423584,
  "summary_bg_p95": 4163.449707031243,
  "summary_bg_stdv": 2039.07568359375,
  "summary_fg_k": 1.3797756405170638,
  "summary_fg_mad": 3619.1203344496444,
  "summary_fg_mean": 26626.95703125,
  "summary_fg_median": 26438.3515625,
  "summary_fg_n": 35562.0,
  "summary_fg_p05": 21253.83388671875,
  "summary_fg_p95": 32531.02216796875,
  "summary_fg_stdv": 3629.5615234375,
  "tsnr": 104.72400665283203
}