{
  "aor": 0.0028487407407407407,
  "aqi": 0.003551112222222222,
  "bids_meta": {
    "AcquisitionNumber": 8,
    "BidsifyVersion": "0.3.5",
    "ConversionSoftware": "dcm2niix",
    "ConversionSoftwareVersion": "v1.0.20181125  GCC6.3.0",
    "EchoTime": 0.02763,
    "EffectiveEchoSpacing": 0.0006909035636805814,
    "FlipAngle": 76.1,
    "ImageComments": "PIOP2",
    "ImageOrientationPatientDICOM": [
      0.998782,
      0.0492931,
      0.00207483,
      -0.0478002,
      0.977234,
      -0.20671
    ],
    "Manufacturer": "Philips",
    "NumberOfVolumesDiscardedByScanner": 2,
    "ParallelAcquisitionTechnique": "SENSE",
    "ParallelReductionFactorInPlane": 2,
    "PatientPosition": "HFS",
    "PhaseEncodingDirection": "j",
    "PhilipsRescaleIntercept": 0,
    "PhilipsRescaleSlope": 0.79731,
    "PhilipsScaleSlope": 0.053872,
    "ProtocolName": "WIPtask-harriri_boldSENSE",
    "PulseSequenceType": "gradient echo EPI",
    "ReconMatrixPE": 80,
    "RepetitionTime": 2,
    "SeriesDescription": "ImageMRSERIES",
    "SeriesNumber": 8,
    "SliceEncodingDirection": "k",
    "SliceTiming": [
      0.0,
      0.0556,
      0.1111,
      0.1667,
      0.2222,
      0.2778,
      0.3333,
      0.3889,
      0.4444,
      0.5,
      0.5556,
      0.6111,
      0.6667,
      0.7222,
      0.7778,
      0.8333,
      0.8889,
      0.9444,
      1.0,
      1.0556,
      1.1111,
      1.1667,
      1.2222,
      1.2778,
      1.3333,
      1.3889,
      1.4444,
      1.5,
      1.5556,
      1.6111,
      1.6667,
      1.7222,
      1.7778,
      1.8333,
      1.8889,
      1.9444
    ],
    "TaskName": "emomatching",
    "TotalReadoutTime": 0.026945238983542674,
    "UsePhilipsFloatNotDisplayScaling": 1,
    "WaterFatShift": 12,
    "acq_id": "seq",
    "dataset": "ds002790",
    "modality": "bold",
    "subject_id": "0115",
    "task_id": "emomatching"
  },
  "dummy_trs": 0,
  "dvars_nstd": 19.82181628843282,
  "dvars_std": 1.3645744464925378,
  "dvars_vstd": 1.0288676870895526,
  "efc": 0.4541321492212486,
  "fber": 217902.34375,
  "fd_mean": 0.10084266913315225,
  "fd_num": 7,
  "fd_perc": 5.185185185185185,
  "fwhm_avg": 1.7991226342930196,
  "fwhm_x": 1.7624633333333335,
  "fwhm_y": 1.96765,
  "fwhm_z": 1.6672545695457253,
  "gcor": 0.0342699,
  "gsr_x": -0.01225681509822607,
  "gsr_y": 0.014523539692163467,
  "provenance": {
    "md5sum": "960c5bcec197050c270d78b31712fa6f",
    "settings": {
      "fd_thres": 0.2,
      "testing": false
    },
    "software": "mriqc",
    "version": "22.0.0rc1",
    "webapi_port": null,
    "webapi_url": "https://mriqc.nimh.nih.gov/api/v1"
  },
  "size_t": 135,
  "size_x": 80,
  "size_y": 80,
  "size_z": 36,
  "snr": 6.918359486556159,
  "spacing_tr": 2.0,
  "spacing_x": 3.0,
  "spacing_y": 3.0,
  "spacing_z": 3.299999952316284,
  "summary_bg_k": 38.65368997936349,
  "summary_bg_mad": 63.804256375447466,
  "summary_bg_mean": 787.5668334960938,
  "summary_bg_median": 56.25257110595703,
  "summary_bg_n": 151084.0,
  "summary_bg_p05": 4.992952156066895,
  "summary_bg_p95": 3882.4946411132823,
  "summary_bg_stdv": 2194.49853515625,
  "summary_fg_k": 2.036503685044126,
  "summary_fg_mad": 3645.684106815779,
  "summary_fg_mean": 26920.453125,
  "summary_fg_median": 26614.9140625,
  "summary_fg_n": 37844.0,
  "summary_fg_p05": 21486.0001953125,
  "summary_fg_p95": 33225.553515625,
  "summary_fg_stdv": 3846.947021484375,
  "tsnr": 107.56858825683594
}