{
  "aor": 0.002046375,
  "aqi": 0.010798517,
  "bids_meta": {
    "AcquisitionNumber": 4,
    "BidsifyVersion": "0.3.5",
    "ConversionSoftware": "dcm2niix",
    "ConversionSoftwareVersion": "v1.0.20181125  GCC6.3.0",
    "EchoTime": 0.02763,
    "EffectiveEchoSpacing": 0.0006909035636805814,
    "FlipAngle": 76.1,
    "ImageComments": "PIOP2",
    "ImageOrientationPatientDICOM": [
      0.998782,
      0.0492931,
      0.00207483,
      -0.0478002,
      0.977234,
      -0.20671
    ],
    "Manufacturer": "Philips",
    "NumberOfVolumesDiscardedByScanner": 2,
    "ParallelAcquisitionTechnique": "SENSE",
    "ParallelReductionFactorInPlane": 2,
    "PatientPosition": "HFS",
    "PhaseEncodingDirection": "j",
    "PhilipsRescaleIntercept": 0,
    "PhilipsRescaleSlope": 0.78632,
    "PhilipsScaleSlope": 0.0553426,
    "ProtocolName": "WIPtask-rest_boldSENSE",
    "PulseSequenceType": "gradient echo EPI",
    "ReconMatrixPE": 80,
    "RepetitionTime": 2,
    "SeriesDescription": "ImageMRSERIES",
    "SeriesNumber": 4,
    "SliceEncodingDirection": "k",
    "SliceTiming": [
      0.0,
      0.0556,
      0.1111,
      0.1667,
      0.2222,
      0.2778,
      0.3333,
      0.3889,
      0.4444,
      0.5,
      0.5556,
      0.6111,
      0.6667,
      0.7222,
      0.7778,
      0.8333,
      0.8889,
      0.9444,
      1.0,
      1.0556,
      1.1111,
      1.1667,
      1.2222,
      1.2778,
      1.3333,
      1.3889,
      1.4444,
      1.5,
      1.5556,
      1.6111,
      1.6667,
      1.7222,
      1.7778,
      1.8333,
      1.8889,
      1.9444
    ],
    "TaskName": "restingstate",
    "TotalReadoutTime": 0.026945238983542674,
    "UsePhilipsFloatNotDisplayScaling": 1,
    "WaterFatShift": 12,
    "acq_id": "seq",
    "dataset": "ds002790",
    "modality": "bold",
    "subject_id": "0115",
    "task_id": "restingstate"
  },
  "dummy_trs": 0,
  "dvars_nstd": 20.529055723096235,
  "dvars_std": 1.2208945252301258,
  "dvars_vstd": 0.9575536129707112,
  "efc": 0.45312985541206807,
  "fber": 213623.25,
  "fd_mean": 0.13516381551457207,
  "fd_num": 27,
  "fd_perc": 11.25,
  "fwhm_avg": 1.8140316241115586,
  "fwhm_x": 1.7893,
  "fwhm_y": 2.0022433333333334,
  "fwhm_z": 1.6505515390013425,
  "gcor": 0.0298099,
  "gsr_x": -0.0117857800796628,
  "gsr_y": 0.014661078341305256,
  "provenance": {
    "md5sum": "08ac5347aea7eb7b7c115b1edca02b68",
    "settings": {
      "fd_thres": 0.2,
      "testing": false
    },
    "software": "mriqc",
    "version": "22.0.0rc1",
    "webapi_port": null,
    "webapi_url": "https://mriqc.nimh.nih.gov/api/v1"
  },
  "size_t": 240,
  "size_x": 80,
  "size_y": 80,
  "size_z": 36,
  "snr": 6.935166002885877,
  "spacing_tr": 2.0,
  "spacing_x": 3.0,
  "spacing_y": 3.0,
  "spacing_z": 3.299999952316284,
  "summary_bg_k": 39.28277366429516,
  "summary_bg_mad": 63.41174450204071,
  "summary_bg_mean": 783.43603515625,
  "summary_bg_median": 57.38141632080078,
  "summary_bg_n": 151175.0,
  "summary_bg_p05": 6.569960594177246,
  "summary_bg_p95": 3830.2764160156116,
  "summary_bg_stdv": 2196.384765625,
  "summary_fg_k": 1.6577334780838786,
  "summary_fg_mad": 3709.74294720207,
  "summary_fg_mean": 27219.912109375,
  "summary_fg_median": 26908.32421875,
  "summary_fg_n": 37803.0,
  "summary_fg_p05": 21725.6115234375,
  "summary_fg_p95": 33656.045312500006,
  "summary_fg_stdv": 3879.931396484375,
  "tsnr": 72.38724517822266
}