{
  "aor": 0.0017492660550458717,
  "aqi": 0.00353059376146789,
  "bids_meta": {
    "AcquisitionNumber": 7,
    "BidsifyVersion": "0.3.5",
    "ConversionSoftware": "dcm2niix",
    "ConversionSoftwareVersion": "v1.0.20181125  GCC6.3.0",
    "EchoTime": 0.02763,
    "EffectiveEchoSpacing": 0.0006909035636805814,
    "FlipAngle": 76.1,
    "ImageComments": "PIOP2",
    "ImageOrientationPatientDICOM": [
      0.998782,
      0.0492931,
      0.00207483,
      -0.0478002,
      0.977234,
      -0.20671
    ],
    "Manufacturer": "Philips",
    "NumberOfVolumesDiscardedByScanner": 2,
    "ParallelAcquisitionTechnique": "SENSE",
    "ParallelReductionFactorInPlane": 2,
    "PatientPosition": "HFS",
    "PhaseEncodingDirection": "j",
    "PhilipsRescaleIntercept": 0,
    "PhilipsRescaleSlope": 0.76313,
    "PhilipsScaleSlope": 0.0570644,
    "ProtocolName": "WIPtask-stop_boldSENSE",
    "PulseSequenceType": "gradient echo EPI",
    "ReconMatrixPE": 80,
    "RepetitionTime": 2,
    "SeriesDescription": "ImageMRSERIES",
    "SeriesNumber": 7,
    "SliceEncodingDirection": "k",
    "SliceTiming": [
      0.0,
      0.0556,
      0.1111,
      0.1667,
      0.2222,
      0.2778,
      0.3333,
      0.3889,
      0.4444,
      0.5,
      0.5556,
      0.6111,
      0.6667,
      0.7222,
      0.7778,
      0.8333,
      0.8889,
      0.9444,
      1.0,
      1.0556,
      1.1111,
      1.1667,
      1.2222,
      1.2778,
      1.3333,
      1.3889,
      1.4444,
      1.5,
      1.5556,
      1.6111,
      1.6667,
      1.7222,
      1.7778,
      1.8333,
      1.8889,
      1.9444
    ],
    "TaskName": "stopsignal",
    "TotalReadoutTime": 0.026945238983542674,
    "UsePhilipsFloatNotDisplayScaling": 1,
    "WaterFatShift": 12,
    "acq_id": "seq",
    "dataset": "ds002790",
    "modality": "bold",
    "subject_id": "0115",
    "task_id": "stopsignal"
  },
  "dummy_trs": 0,
  "dvars_nstd": 19.6898967418894,
  "dvars_std": 1.3530220374654374,
  "dvars_vstd": 1.0172101040092167,
  "efc": 0.4538811638448169,
  "fber": 221383.890625,
  "fd_mean": 0.09835025350379159,
  "fd_num": 4,
  "fd_perc": 1.834862385321101,
  "fwhm_avg": 1.8056653615486553,
  "fwhm_x": 1.7688633333333332,
  "fwhm_y": 1.9844266666666668,
  "fwhm_z": 1.6637060846459661,
  "gcor": 0.0360863,
  "gsr_x": -0.012399787083268166,
  "gsr_y": 0.01466342993080616,
  "provenance": {
    "md5sum": "c03576440e7b93c23d91bbc0e2eec8a0",
    "settings": {
      "fd_thres": 0.2,
      "testing": false
    },
    "software": "mriqc",
    "version": "22.0.0rc1",
    "webapi_port": null,
    "webapi_url": "https://mriqc.nimh.nih.gov/api/v1"
  },
  "size_t": 218,
  "size_x": 80,
  "size_y": 80,
  "size_z": 36,
  "snr": 6.973952731739459,
  "spacing_tr": 2.0,
  "spacing_x": 3.0,
  "spacing_y": 3.0,
  "spacing_z": 3.299999952316284,
  "summary_bg_k": 38.49499684524415,
  "summary_bg_mad": 61.42669320805948,
  "summary_bg_mean": 777.6195678710938,
  "summary_bg_median": 55.437339782714844,
  "summary_bg_n": 151089.0,
  "summary_bg_p05": 5.495494461059571,
  "summary_bg_p95": 3813.770898437502,
  "summary_bg_stdv": 2170.95361328125,
  "summary_fg_k": 1.9746575900531722,
  "summary_fg_mad": 3634.0520499569175,
  "summary_fg_mean": 26792.783203125,
  "summary_fg_median": 26491.146484375,
  "summary_fg_n": 37805.0,
  "summary_fg_p05": 21423.13359375,
  "summary_fg_p95": 32989.1953125,
  "summary_fg_stdv": 3798.533935546875,
  "tsnr": 106.9151611328125
}