{
  "aor": 0.007242812499999999,
  "aqi": 0.0095108445625,
  "bids_meta": {
    "AcquisitionNumber": 3,
    "BidsifyVersion": "0.3.5",
    "ConversionSoftware": "dcm2niix",
    "ConversionSoftwareVersion": "v1.0.20181125  GCC6.3.0",
    "EchoTime": 0.02763,
    "EffectiveEchoSpacing": 0.0006909035636805814,
    "FlipAngle": 76.1,
    "ImageComments": "PIOP2",
    "ImageOrientationPatientDICOM": [
      0.998782,
      0.0492931,
      0.00207483,
      -0.0478002,
      0.977234,
      -0.20671
    ],
    "Manufacturer": "Philips",
    "NumberOfVolumesDiscardedByScanner": 2,
    "ParallelAcquisitionTechnique": "SENSE",
    "ParallelReductionFactorInPlane": 2,
    "PatientPosition": "HFS",
    "PhaseEncodingDirection": "j",
    "PhilipsRescaleIntercept": 0,
    "PhilipsRescaleSlope": 0.77265,
    "PhilipsScaleSlope": 0.0531443,
    "ProtocolName": "WIPtask-wm_boldSENSE",
    "PulseSequenceType": "gradient echo EPI",
    "ReconMatrixPE": 80,
    "RepetitionTime": 2,
    "SeriesDescription": "ImageMRSERIES",
    "SeriesNumber": 3,
    "SliceEncodingDirection": "k",
    "SliceTiming": [
      0.0,
      0.0556,
      0.1111,
      0.1667,
      0.2222,
      0.2778,
      0.3333,
      0.3889,
      0.4444,
      0.5,
      0.5556,
      0.6111,
      0.6667,
      0.7222,
      0.7778,
      0.8333,
      0.8889,
      0.9444,
      1.0,
      1.0556,
      1.1111,
      1.1667,
      1.2222,
      1.2778,
      1.3333,
      1.3889,
      1.4444,
      1.5,
      1.5556,
      1.6111,
      1.6667,
      1.7222,
      1.7778,
      1.8333,
      1.8889,
      1.9444
    ],
    "TaskName": "workingmemory",
    "TotalReadoutTime": 0.026945238983542674,
    "UsePhilipsFloatNotDisplayScaling": 1,
    "WaterFatShift": 12,
    "acq_id": "seq",
    "dataset": "ds002790",
    "modality": "bold",
    "subject_id": "0115",
    "task_id": "workingmemory"
  },
  "dummy_trs": 0,
  "dvars_nstd": 21.69927990459119,
  "dvars_std": 1.28794049672956,
  "dvars_vstd": 0.9984283925786168,
  "efc": 0.452335542099458,
  "fber": 222991.03125,
  "fd_mean": 0.12949989613615853,
  "fd_num": 16,
  "fd_perc": 10.0,
  "fwhm_avg": 1.840511119147503,
  "fwhm_x": 1.8174266666666667,
  "fwhm_y": 2.035606666666667,
  "fwhm_z": 1.668500024109176,
  "gcor": 0.0231607,
  "gsr_x": -0.012164273299276829,
  "gsr_y": 0.01438682060688734,
  "provenance": {
    "md5sum": "cc8a8b96fc08dbdf0573f5ff10c7ec23",
    "settings": {
      "fd_thres": 0.2,
      "testing": false
    },
    "software": "mriqc",
    "version": "22.0.0rc1",
    "webapi_port": null,
    "webapi_url": "https://mriqc.nimh.nih.gov/api/v1"
  },
  "size_t": 160,
  "size_x": 80,
  "size_y": 80,
  "size_z": 36,
  "snr": 6.685697709487748,
  "spacing_tr": 2.0,
  "spacing_x": 3.0,
  "spacing_y": 3.0,
  "spacing_z": 3.299999952316284,
  "summary_bg_k": 38.97858010911176,
  "summary_bg_mad": 63.91493164357742,
  "summary_bg_mean": 779.0911865234375,
  "summary_bg_median": 56.649105072021484,
  "summary_bg_n": 151213.0,
  "summary_bg_p05": 5.571128559112549,
  "summary_bg_p95": 3840.685791015622,
  "summary_bg_stdv": 2189.41455078125,
  "summary_fg_k": 1.7015858589436546,
  "summary_fg_mad": 3853.4076813167544,
  "summary_fg_mean": 27400.595703125,
  "summary_fg_median": 27054.822265625,
  "summary_fg_n": 37775.0,
  "summary_fg_p05": 21688.680078125,
  "summary_fg_p95": 34170.46015624999,
  "summary_fg_stdv": 4046.617919921875,
  "tsnr": 73.55719757080078
}