{
  "aor": 0.009044592592592592,
  "aqi": 0.00634836362962963,
  "bids_meta": {
    "AcquisitionNumber": 8,
    "BidsifyVersion": "0.3.5",
    "ConversionSoftware": "dcm2niix",
    "ConversionSoftwareVersion": "v1.0.20181125  GCC6.3.0",
    "EchoTime": 0.02763,
    "EffectiveEchoSpacing": 0.0006909035636805814,
    "FlipAngle": 76.1,
    "ImageComments": "PIOP2",
    "ImageOrientationPatientDICOM": [
      0.996153,
      0.0617875,
      0.0621463,
      -0.0539497,
      0.991218,
      -0.120728
    ],
    "Manufacturer": "Philips",
    "NumberOfVolumesDiscardedByScanner": 2,
    "ParallelAcquisitionTechnique": "SENSE",
    "ParallelReductionFactorInPlane": 2,
    "PatientPosition": "HFS",
    "PhaseEncodingDirection": "j",
    "PhilipsRescaleIntercept": 0,
    "PhilipsRescaleSlope": 0.76166,
    "PhilipsScaleSlope": 0.0549306,
    "ProtocolName": "WIPtask-harriri_boldSENSE",
    "PulseSequenceType": "gradient echo EPI",
    "ReconMatrixPE": 80,
    "RepetitionTime": 2,
    "SeriesDescription": "ImageMRSERIES",
    "SeriesNumber": 8,
    "SliceEncodingDirection": "k",
    "SliceTiming": [
      0.0,
      0.0556,
      0.1111,
      0.1667,
      0.2222,
      0.2778,
      0.3333,
      0.3889,
      0.4444,
      0.5,
      0.5556,
      0.6111,
      0.6667,
      0.7222,
      0.7778,
      0.8333,
      0.8889,
      0.9444,
      1.0,
      1.0556,
      1.1111,
      1.1667,
      1.2222,
      1.2778,
      1.3333,
      1.3889,
      1.4444,
      1.5,
      1.5556,
      1.6111,
      1.6667,
      1.7222,
      1.7778,
      1.8333,
      1.8889,
      1.9444
    ],
    "TaskName": "emomatching",
    "TotalReadoutTime": 0.026945238983542674,
    "UsePhilipsFloatNotDisplayScaling": 1,
    "WaterFatShift": 12,
    "acq_id": "seq",
    "dataset": "ds002790",
    "modality": "bold",
    "subject_id": "0081",
    "task_id": "emomatching"
  },
  "dummy_trs": 0,
  "dvars_nstd": 19.580621882761193,
  "dvars_std": 1.2453881319402988,
  "dvars_vstd": 1.0591064269402983,
  "efc": 0.46001809201674426,
  "fber": 150233.203125,
  "fd_mean": 0.12259495303607967,
  "fd_num": 17,
  "fd_perc": 12.592592592592593,
  "fwhm_avg": 2.0477772817880546,
  "fwhm_x": 1.98269,
  "fwhm_y": 2.27946,
  "fwhm_z": 1.881181845364164,
  "gcor": 0.0127392,
  "gsr_x": -0.015125947073101997,
  "gsr_y": 0.02360650897026062,
  "provenance": {
    "md5sum": "972c92aa1700a9602c68bc199da7a6e4",
    "settings": {
      "fd_thres": 0.2,
      "testing": false
    },
    "software": "mriqc",
    "version": "22.0.0rc1",
    "webapi_port": null,
    "webapi_url": "https://mriqc.nimh.nih.gov/api/v1"
  },
  "size_t": 135,
  "size_x": 80,
  "size_y": 80,
  "size_z": 36,
  "snr": 4.668886377415727,
  "spacing_tr": 2.0,
  "spacing_x": 3.0,
  "spacing_y": 3.0,
  "spacing_z": 3.299999952316284,
  "summary_bg_k": 80.68850340053196,
  "summary_bg_mad": 70.86195369987111,
  "summary_bg_mean": 676.6383666992188,
  "summary_bg_median": 62.845916748046875,
  "summary_bg_n": 147886.0,
  "summary_bg_p05": 5.872211813926697,
  "summary_bg_p95": 3824.9650268554688,
  "summary_bg_stdv": 1863.296875,
  "summary_fg_k": 1.51182972825496,
  "summary_fg_mad": 4934.114661723934,
  "summary_fg_mean": 25505.494140625,
  "summary_fg_median": 24819.9140625,
  "summary_fg_n": 40917.0,
  "summary_fg_p05": 18359.614453125,
  "summary_fg_p95": 34956.561718749996,
  "summary_fg_stdv": 5315.95947265625,
  "tsnr": 71.71482849121094
}