{
  "aor": 0.0067194814814814825,
  "aqi": 0.004445825185185185,
  "bids_meta": {
    "AcquisitionNumber": 8,
    "BidsifyVersion": "0.3.5",
    "ConversionSoftware": "dcm2niix",
    "ConversionSoftwareVersion": "v1.0.20181125  GCC6.3.0",
    "EchoTime": 0.02763,
    "EffectiveEchoSpacing": 0.0006909035636805814,
    "FlipAngle": 76.1,
    "ImageComments": "PIOP2",
    "ImageOrientationPatientDICOM": [
      0.999202,
      -0.0324266,
      0.0233399,
      0.0376869,
      0.958921,
      -0.281159
    ],
    "Manufacturer": "Philips",
    "NumberOfVolumesDiscardedByScanner": 2,
    "ParallelAcquisitionTechnique": "SENSE",
    "ParallelReductionFactorInPlane": 2,
    "PatientPosition": "HFS",
    "PhaseEncodingDirection": "j",
    "PhilipsRescaleIntercept": 0,
    "PhilipsRescaleSlope": 0.81099,
    "PhilipsScaleSlope": 0.0568654,
    "ProtocolName": "WIPtask-harriri_boldSENSE",
    "PulseSequenceType": "gradient echo EPI",
    "ReconMatrixPE": 80,
    "RepetitionTime": 2,
    "SeriesDescription": "ImageMRSERIES",
    "SeriesNumber": 8,
    "SliceEncodingDirection": "k",
    "SliceTiming": [
      0.0,
      0.0556,
      0.1111,
      0.1667,
      0.2222,
      0.2778,
      0.3333,
      0.3889,
      0.4444,
      0.5,
      0.5556,
      0.6111,
      0.6667,
      0.7222,
      0.7778,
      0.8333,
      0.8889,
      0.9444,
      1.0,
      1.0556,
      1.1111,
      1.1667,
      1.2222,
      1.2778,
      1.3333,
      1.3889,
      1.4444,
      1.5,
      1.5556,
      1.6111,
      1.6667,
      1.7222,
      1.7778,
      1.8333,
      1.8889,
      1.9444
    ],
    "TaskName": "emomatching",
    "TotalReadoutTime": 0.026945238983542674,
    "UsePhilipsFloatNotDisplayScaling": 1,
    "WaterFatShift": 12,
    "acq_id": "seq",
    "dataset": "ds002790",
    "modality": "bold",
    "subject_id": "0045",
    "task_id": "emomatching"
  },
  "dummy_trs": 0,
  "dvars_nstd": 19.86258633440298,
  "dvars_std": 1.3345998340298515,
  "dvars_vstd": 1.064424885074627,
  "efc": 0.42937435522387196,
  "fber": 226834.671875,
  "fd_mean": 0.11932408607362793,
  "fd_num": 10,
  "fd_perc": 7.407407407407407,
  "fwhm_avg": 1.8977283923898973,
  "fwhm_x": 1.85724,
  "fwhm_y": 2.060496666666667,
  "fwhm_z": 1.7754485105030249,
  "gcor": 0.0287582,
  "gsr_x": -0.01584530435502529,
  "gsr_y": 0.01698620431125164,
  "provenance": {
    "md5sum": "93334c7265ec4ecdc5960a0ee3e1bfaa",
    "settings": {
      "fd_thres": 0.2,
      "testing": false
    },
    "software": "mriqc",
    "version": "22.0.0rc1",
    "webapi_port": null,
    "webapi_url": "https://mriqc.nimh.nih.gov/api/v1"
  },
  "size_t": 135,
  "size_x": 80,
  "size_y": 80,
  "size_z": 36,
  "snr": 6.271412722989676,
  "spacing_tr": 2.0,
  "spacing_x": 3.0,
  "spacing_y": 3.0,
  "spacing_z": 3.299999952316284,
  "summary_bg_k": 87.22782296943768,
  "summary_bg_mad": 53.595829974027744,
  "summary_bg_mean": 589.296875,
  "summary_bg_median": 50.88548278808594,
  "summary_bg_n": 154662.0,
  "summary_bg_p05": 5.59303457736969,
  "summary_bg_p95": 2792.126708984369,
  "summary_bg_stdv": 1796.7945556640625,
  "summary_fg_k": 1.673199463538138,
  "summary_fg_mad": 3595.533349350352,
  "summary_fg_mean": 25424.14453125,
  "summary_fg_median": 24968.841796875,
  "summary_fg_n": 34497.0,
  "summary_fg_p05": 19913.133203125,
  "summary_fg_p95": 32293.876171875,
  "summary_fg_stdv": 3981.316650390625,
  "tsnr": 92.447265625
}