{
  "aor": 0.005499555555555554,
  "aqi": 0.00345963637037037,
  "bids_meta": {
    "AcquisitionNumber": 8,
    "BidsifyVersion": "0.3.5",
    "ConversionSoftware": "dcm2niix",
    "ConversionSoftwareVersion": "v1.0.20181125  GCC6.3.0",
    "EchoTime": 0.02763,
    "EffectiveEchoSpacing": 0.0006909035636805814,
    "FlipAngle": 76.1,
    "ImageComments": "PIOP2",
    "ImageOrientationPatientDICOM": [
      0.99998,
      0.00606779,
      0.00156414,
      -0.00610861,
      0.999601,
      0.0275637
    ],
    "Manufacturer": "Philips",
    "NumberOfVolumesDiscardedByScanner": 2,
    "ParallelAcquisitionTechnique": "SENSE",
    "ParallelReductionFactorInPlane": 2,
    "PatientPosition": "HFS",
    "PhaseEncodingDirection": "j",
    "PhilipsRescaleIntercept": 0,
    "PhilipsRescaleSlope": 0.75385,
    "PhilipsScaleSlope": 0.0556368,
    "ProtocolName": "WIPtask-harriri_boldSENSE",
    "PulseSequenceType": "gradient echo EPI",
    "ReconMatrixPE": 80,
    "RepetitionTime": 2,
    "SeriesDescription": "ImageMRSERIES",
    "SeriesNumber": 8,
    "SliceEncodingDirection": "k",
    "SliceTiming": [
      0.0,
      0.0556,
      0.1111,
      0.1667,
      0.2222,
      0.2778,
      0.3333,
      0.3889,
      0.4444,
      0.5,
      0.5556,
      0.6111,
      0.6667,
      0.7222,
      0.7778,
      0.8333,
      0.8889,
      0.9444,
      1.0,
      1.0556,
      1.1111,
      1.1667,
      1.2222,
      1.2778,
      1.3333,
      1.3889,
      1.4444,
      1.5,
      1.5556,
      1.6111,
      1.6667,
      1.7222,
      1.7778,
      1.8333,
      1.8889,
      1.9444
    ],
    "TaskName": "emomatching",
    "TotalReadoutTime": 0.026945238983542674,
    "UsePhilipsFloatNotDisplayScaling": 1,
    "WaterFatShift": 12,
    "acq_id": "seq",
    "dataset": "ds002790",
    "modality": "bold",
    "subject_id": "0172",
    "task_id": "emomatching"
  },
  "dummy_trs": 0,
  "dvars_nstd": 20.50111823977611,
  "dvars_std": 1.3802438536567163,
  "dvars_vstd": 1.0612427465671637,
  "efc": 0.4107064476620227,
  "fber": 285960.15625,
  "fd_mean": 0.1413156686164442,
  "fd_num": 23,
  "fd_perc": 17.037037037037038,
  "fwhm_avg": 2.010173241417832,
  "fwhm_x": 1.9599733333333333,
  "fwhm_y": 2.1823433333333333,
  "fwhm_z": 1.8882030575868296,
  "gcor": 0.0694598,
  "gsr_x": -0.0188986137509346,
  "gsr_y": 0.013746961019933224,
  "provenance": {
    "md5sum": "cabb7c2a82f4820b3178fb7eb5a0cba9",
    "settings": {
      "fd_thres": 0.2,
      "testing": false
    },
    "software": "mriqc",
    "version": "22.0.0rc1",
    "webapi_port": null,
    "webapi_url": "https://mriqc.nimh.nih.gov/api/v1"
  },
  "size_t": 135,
  "size_x": 80,
  "size_y": 80,
  "size_z": 36,
  "snr": 6.214056702022396,
  "spacing_tr": 2.0,
  "spacing_x": 3.0,
  "spacing_y": 3.0,
  "spacing_z": 3.299999952316284,
  "summary_bg_k": 95.13547512777278,
  "summary_bg_mad": 49.92188629051005,
  "summary_bg_mean": 504.4939270019531,
  "summary_bg_median": 47.98286437988281,
  "summary_bg_n": 158323.0,
  "summary_bg_p05": 3.970060062408448,
  "summary_bg_p95": 2563.6873291015604,
  "summary_bg_stdv": 1522.508056640625,
  "summary_fg_k": 1.8686890527146964,
  "summary_fg_mad": 3932.7703356186744,
  "summary_fg_mean": 26689.564453125,
  "summary_fg_median": 26221.078125,
  "summary_fg_n": 32643.0,
  "summary_fg_p05": 20824.2546875,
  "summary_fg_p95": 33847.773828125,
  "summary_fg_stdv": 4219.57470703125,
  "tsnr": 104.79000091552734
}