{
  "bids_meta": {
    "AcquisitionNumber": 2,
    "BidsifyVersion": "0.3.5",
    "ConversionSoftware": "dcm2niix",
    "ConversionSoftwareVersion": "v1.0.20181125  GCC6.3.0",
    "EchoTime": 0.00374,
    "ImageComments": "PIOP2",
    "ImageOrientationPatientDICOM": [
      0.999934,
      0.0109361,
      0.0034977,
      -0.0108208,
      0.999447,
      -0.0314504
    ],
    "Manufacturer": "Philips",
    "PatientPosition": "HFS",
    "PhilipsRescaleIntercept": 0,
    "PhilipsRescaleSlope": 8.00488,
    "PhilipsScaleSlope": 0.00741075,
    "ProtocolName": "WIPT1anat_acq-6m_T1wSENSE",
    "ReconMatrixPE": 240,
    "RepetitionTime": 0.008179,
    "SeriesDescription": "ImageMRSERIES",
    "SeriesNumber": 2,
    "UsePhilipsFloatNotDisplayScaling": 1,
    "dataset": "ds002790",
    "modality": "T1w",
    "subject_id": "0208"
  },
  "cjv": 0.2271578989885041,
  "cnr": 5.846051967012741,
  "efc": 0.7372732493288954,
  "fber": -1.0,
  "fwhm_avg": 5.117436248435627,
  "fwhm_x": 4.82718,
  "fwhm_y": 5.170489383629634,
  "fwhm_z": 5.354639361677246,
  "icvs_csf": 0.2311253089188931,
  "icvs_gm": 0.4512883659399502,
  "icvs_wm": 0.3175863251411567,
  "inu_med": 0.5270228683948517,
  "inu_range": 0.16945334076881408,
  "provenance": {
    "md5sum": "80132d28286dbef4cc55923c1ad89624",
    "settings": {
      "testing": false
    },
    "software": "mriqc",
    "version": "23.0.1",
    "warnings": {
      "large_rot_frame": true,
      "small_air_mask": true
    },
    "webapi_port": null,
    "webapi_url": "https://mriqc.nimh.nih.gov/api/v1"
  },
  "qi_1": 1.931817868211385e-05,
  "qi_2": 4.520702868871584e-05,
  "rpve_csf": 25.62506571359874,
  "rpve_gm": 13.853901270356285,
  "rpve_wm": 22.883194908835982,
  "size_x": 240,
  "size_y": 240,
  "size_z": 220,
  "snr_csf": 1.6172256378770502,
  "snr_gm": 10.482988470612705,
  "snr_total": 14.006345107266895,
  "snr_wm": 29.918821213310935,
  "snrd_csf": 23.337768035743796,
  "snrd_gm": 91.07704564913087,
  "snrd_total": 88.08015756502282,
  "snrd_wm": 149.82565901019376,
  "spacing_x": 1.0,
  "spacing_y": 1.0000001192092896,
  "spacing_z": 1.0000001192092896,
  "summary_bg_k": 66.54703535159332,
  "summary_bg_mad": 0.0,
  "summary_bg_mean": 1.2905059741751839,
  "summary_bg_median": 0.0,
  "summary_bg_n": 199357.0,
  "summary_bg_p05": 0.0,
  "summary_bg_p95": 8.961456310003996,
  "summary_bg_stdv": 4.372760781850602,
  "summary_csf_k": 0.5384868830516392,
  "summary_csf_mad": 101.03829553184508,
  "summary_csf_mean": 167.46319224098718,
  "summary_csf_median": 155.76981648802757,
  "summary_csf_n": 39865.0,
  "summary_csf_p05": 40.42039063386619,
  "summary_csf_p95": 347.8499525483697,
  "summary_csf_stdv": 96.3179528638652,
  "summary_gm_k": 0.14935263806014554,
  "summary_gm_mad": 58.46656619243772,
  "summary_gm_mean": 609.3845705627837,
  "summary_gm_median": 607.9010925684124,
  "summary_gm_n": 61778.0,
  "summary_gm_p05": 517.5827501770109,
  "summary_gm_p95": 705.3745244219899,
  "summary_gm_stdv": 57.98882391290759,
  "summary_wm_k": 0.8126279275217372,
  "summary_wm_mad": 30.607125668854962,
  "summary_wm_mean": 998.5399809727453,
  "summary_wm_median": 1000.0234544053674,
  "summary_wm_n": 172382.0,
  "summary_wm_p05": 940.6714008338749,
  "summary_wm_p95": 1050.5548075251281,
  "summary_wm_stdv": 33.42446370692441,
  "tpm_overlap_csf": 0.13513337030845754,
  "tpm_overlap_gm": 0.49779848228243256,
  "tpm_overlap_wm": 0.5183047946848038,
  "wm2max": 0.7065687564720443
}