{
  "aor": 0.0033142920353982303,
  "aqi": 0.00459124871681416,
  "bids_meta": {
    "AcquisitionNumber": 7,
    "BidsifyVersion": "0.3.5",
    "ConversionSoftware": "dcm2niix",
    "ConversionSoftwareVersion": "v1.0.20181125  GCC6.3.0",
    "EchoTime": 0.02763,
    "EffectiveEchoSpacing": 0.0006909035636805814,
    "FlipAngle": 76.1,
    "ImageComments": "PIOP2",
    "ImageOrientationPatientDICOM": [
      0.998965,
      0.0369218,
      -0.0265813,
      -0.0402972,
      0.98929,
      -0.140289
    ],
    "Manufacturer": "Philips",
    "NumberOfVolumesDiscardedByScanner": 2,
    "ParallelAcquisitionTechnique": "SENSE",
    "ParallelReductionFactorInPlane": 2,
    "PatientPosition": "HFS",
    "PhaseEncodingDirection": "j",
    "PhilipsRescaleIntercept": 0,
    "PhilipsRescaleSlope": 0.7956,
    "PhilipsScaleSlope": 0.0559532,
    "ProtocolName": "WIPtask-stop_boldSENSE",
    "PulseSequenceType": "gradient echo EPI",
    "ReconMatrixPE": 80,
    "RepetitionTime": 2,
    "SeriesDescription": "ImageMRSERIES",
    "SeriesNumber": 7,
    "SliceEncodingDirection": "k",
    "SliceTiming": [
      0.0,
      0.0556,
      0.1111,
      0.1667,
      0.2222,
      0.2778,
      0.3333,
      0.3889,
      0.4444,
      0.5,
      0.5556,
      0.6111,
      0.6667,
      0.7222,
      0.7778,
      0.8333,
      0.8889,
      0.9444,
      1.0,
      1.0556,
      1.1111,
      1.1667,
      1.2222,
      1.2778,
      1.3333,
      1.3889,
      1.4444,
      1.5,
      1.5556,
      1.6111,
      1.6667,
      1.7222,
      1.7778,
      1.8333,
      1.8889,
      1.9444
    ],
    "TaskName": "stopsignal",
    "TotalReadoutTime": 0.026945238983542674,
    "UsePhilipsFloatNotDisplayScaling": 1,
    "WaterFatShift": 12,
    "acq_id": "seq",
    "dataset": "ds002790",
    "modality": "bold",
    "subject_id": "0147",
    "task_id": "stopsignal"
  },
  "dummy_trs": 0,
  "dvars_nstd": 20.401341633155546,
  "dvars_std": 1.4254433823111108,
  "dvars_vstd": 1.0195390097333334,
  "efc": 0.4353379457191171,
  "fber": 228722.6875,
  "fd_mean": 0.1031694941379577,
  "fd_num": 7,
  "fd_perc": 3.0973451327433628,
  "fwhm_avg": 1.989580413066857,
  "fwhm_x": 1.91573,
  "fwhm_y": 2.1789566666666667,
  "fwhm_z": 1.8740545725339048,
  "gcor": 0.0185536,
  "gsr_x": -0.017903266474604607,
  "gsr_y": 0.01791270263493061,
  "provenance": {
    "md5sum": "a56e310d9347a562ac7b2112a2c51aac",
    "settings": {
      "fd_thres": 0.2,
      "testing": false
    },
    "software": "mriqc",
    "version": "22.0.0rc1",
    "webapi_port": null,
    "webapi_url": "https://mriqc.nimh.nih.gov/api/v1"
  },
  "size_t": 226,
  "size_x": 80,
  "size_y": 80,
  "size_z": 36,
  "snr": 6.324968927659173,
  "spacing_tr": 2.0,
  "spacing_x": 3.0,
  "spacing_y": 3.0,
  "spacing_z": 3.299999952316284,
  "summary_bg_k": 59.72522033298285,
  "summary_bg_mad": 60.195033450320075,
  "summary_bg_mean": 656.4715576171875,
  "summary_bg_median": 56.07345962524414,
  "summary_bg_n": 154105.0,
  "summary_bg_p05": 7.222460651397707,
  "summary_bg_p95": 3295.107861328123,
  "summary_bg_stdv": 1861.7269287109375,
  "summary_fg_k": 1.5324622098092648,
  "summary_fg_mad": 3938.133185830925,
  "summary_fg_mean": 27635.623046875,
  "summary_fg_median": 27250.484375,
  "summary_fg_n": 36046.0,
  "summary_fg_p05": 21344.53173828125,
  "summary_fg_p95": 34894.7412109375,
  "summary_fg_stdv": 4308.33837890625,
  "tsnr": 95.12344360351562
}