{
  "aor": 0.0037998125000000002,
  "aqi": 0.007770483,
  "bids_meta": {
    "AcquisitionNumber": 3,
    "BidsifyVersion": "0.3.5",
    "ConversionSoftware": "dcm2niix",
    "ConversionSoftwareVersion": "v1.0.20181125  GCC6.3.0",
    "EchoTime": 0.02763,
    "EffectiveEchoSpacing": 0.0006909035636805814,
    "FlipAngle": 76.1,
    "ImageComments": "PIOP2",
    "ImageOrientationPatientDICOM": [
      0.996267,
      0.0863225,
      0.000817196,
      -0.0859357,
      0.992614,
      -0.08563
    ],
    "Manufacturer": "Philips",
    "NumberOfVolumesDiscardedByScanner": 2,
    "ParallelAcquisitionTechnique": "SENSE",
    "ParallelReductionFactorInPlane": 2,
    "PatientPosition": "HFS",
    "PhaseEncodingDirection": "j",
    "PhilipsRescaleIntercept": 0,
    "PhilipsRescaleSlope": 0.75385,
    "PhilipsScaleSlope": 0.0582273,
    "ProtocolName": "WIPtask-wm_boldSENSE",
    "PulseSequenceType": "gradient echo EPI",
    "ReconMatrixPE": 80,
    "RepetitionTime": 2,
    "SeriesDescription": "ImageMRSERIES",
    "SeriesNumber": 3,
    "SliceEncodingDirection": "k",
    "SliceTiming": [
      0.0,
      0.0556,
      0.1111,
      0.1667,
      0.2222,
      0.2778,
      0.3333,
      0.3889,
      0.4444,
      0.5,
      0.5556,
      0.6111,
      0.6667,
      0.7222,
      0.7778,
      0.8333,
      0.8889,
      0.9444,
      1.0,
      1.0556,
      1.1111,
      1.1667,
      1.2222,
      1.2778,
      1.3333,
      1.3889,
      1.4444,
      1.5,
      1.5556,
      1.6111,
      1.6667,
      1.7222,
      1.7778,
      1.8333,
      1.8889,
      1.9444
    ],
    "TaskName": "workingmemory",
    "TotalReadoutTime": 0.026945238983542674,
    "UsePhilipsFloatNotDisplayScaling": 1,
    "WaterFatShift": 12,
    "acq_id": "seq",
    "dataset": "ds002790",
    "modality": "bold",
    "subject_id": "0133",
    "task_id": "workingmemory"
  },
  "dummy_trs": 0,
  "dvars_nstd": 26.139897616603786,
  "dvars_std": 1.3339971773584907,
  "dvars_vstd": 1.0131239179245282,
  "efc": 0.4486690053595615,
  "fber": 205835.390625,
  "fd_mean": 0.22536104368710733,
  "fd_num": 74,
  "fd_perc": 46.25,
  "fwhm_avg": 2.01413879698575,
  "fwhm_x": 2.00347,
  "fwhm_y": 2.1481766666666666,
  "fwhm_z": 1.8907697242905837,
  "gcor": 0.0334427,
  "gsr_x": -0.0069473437033593655,
  "gsr_y": 0.013690724968910217,
  "provenance": {
    "md5sum": "8b9d4a737486a1c97f08ce76fc726466",
    "settings": {
      "fd_thres": 0.2,
      "testing": false
    },
    "software": "mriqc",
    "version": "22.0.0rc1",
    "webapi_port": null,
    "webapi_url": "https://mriqc.nimh.nih.gov/api/v1"
  },
  "size_t": 160,
  "size_x": 80,
  "size_y": 80,
  "size_z": 36,
  "snr": 5.553679893543385,
  "spacing_tr": 2.0,
  "spacing_x": 3.0,
  "spacing_y": 3.0,
  "spacing_z": 3.299999952316284,
  "summary_bg_k": 50.368120457356085,
  "summary_bg_mad": 59.52702640129924,
  "summary_bg_mean": 760.4905395507812,
  "summary_bg_median": 53.33643341064453,
  "summary_bg_n": 152728.0,
  "summary_bg_p05": 5.761941981315613,
  "summary_bg_p95": 4429.5780761718715,
  "summary_bg_stdv": 2066.881591796875,
  "summary_fg_k": 3.5515539705372685,
  "summary_fg_mad": 3647.676353546896,
  "summary_fg_mean": 25285.55078125,
  "summary_fg_median": 24608.388671875,
  "summary_fg_n": 37133.0,
  "summary_fg_p05": 19798.48828125,
  "summary_fg_p95": 32643.595703125004,
  "summary_fg_stdv": 4430.9462890625,
  "tsnr": 74.16200256347656
}