{
  "bids_meta": {
    "AcquisitionNumber": 2,
    "BidsifyVersion": "0.3.5",
    "ConversionSoftware": "dcm2niix",
    "ConversionSoftwareVersion": "v1.0.20181125  GCC6.3.0",
    "EchoTime": 0.00375,
    "ImageComments": "PIOP2",
    "ImageOrientationPatientDICOM": [
      0.999787,
      -0.0115973,
      -0.0170609,
      0.0101211,
      0.996397,
      -0.0842027
    ],
    "Manufacturer": "Philips",
    "PatientPosition": "HFS",
    "PhilipsRescaleIntercept": 0,
    "PhilipsRescaleSlope": 9.23101,
    "PhilipsScaleSlope": 0.00678194,
    "ProtocolName": "WIPT1anat_acq-6m_T1wSENSE",
    "ReconMatrixPE": 240,
    "RepetitionTime": 0.008188,
    "SeriesDescription": "ImageMRSERIES",
    "SeriesNumber": 2,
    "UsePhilipsFloatNotDisplayScaling": 1,
    "dataset": "ds002790",
    "modality": "T1w",
    "subject_id": "0221"
  },
  "cjv": 0.2697589804570505,
  "cnr": 4.753315555144261,
  "efc": 0.7468138993289521,
  "fber": -1.0,
  "fwhm_avg": 5.019346576676,
  "fwhm_x": 4.7753794307304105,
  "fwhm_y": 5.021380299297589,
  "fwhm_z": 5.26128,
  "icvs_csf": 0.2396364650216904,
  "icvs_gm": 0.4216232876181983,
  "icvs_wm": 0.3387402473601113,
  "inu_med": 0.5291947424411774,
  "inu_range": 0.15036112070083618,
  "provenance": {
    "md5sum": "6aa12a3b208dc631a47bfc47f3509f03",
    "settings": {
      "testing": false
    },
    "software": "mriqc",
    "version": "23.0.1",
    "warnings": {
      "large_rot_frame": true,
      "small_air_mask": true
    },
    "webapi_port": null,
    "webapi_url": "https://mriqc.nimh.nih.gov/api/v1"
  },
  "qi_1": 0.00010165036630435572,
  "qi_2": 3.2550271309535356e-05,
  "rpve_csf": 22.381147044141766,
  "rpve_gm": 13.012468996994091,
  "rpve_wm": 20.0892581174553,
  "size_x": 240,
  "size_y": 240,
  "size_z": 220,
  "snr_csf": 1.602203750777334,
  "snr_gm": 8.698135202412365,
  "snr_total": 13.379144849053654,
  "snr_wm": 29.837095593971267,
  "snrd_csf": 12.802636319560461,
  "snrd_gm": 47.31242914512194,
  "snrd_total": 45.38275642449255,
  "snrd_wm": 76.03320380879522,
  "spacing_x": 1.0000001192092896,
  "spacing_y": 0.9999999403953552,
  "spacing_z": 1.0,
  "summary_bg_k": 109.68081681695872,
  "summary_bg_mad": 0.0,
  "summary_bg_mean": 2.301657471049311,
  "summary_bg_median": 0.0,
  "summary_bg_n": 218278.0,
  "summary_bg_p05": 0.0,
  "summary_bg_p95": 14.970060288906097,
  "summary_bg_stdv": 8.616639868946912,
  "summary_csf_k": 12.562331353167913,
  "summary_csf_mad": 102.192567962322,
  "summary_csf_mean": 180.7527527844392,
  "summary_csf_median": 168.38586062192917,
  "summary_csf_n": 37421.0,
  "summary_csf_p05": 42.54993778467178,
  "summary_csf_p95": 358.582115650177,
  "summary_csf_stdv": 105.09500470251619,
  "summary_gm_k": 0.16353328748551377,
  "summary_gm_mad": 70.99046176456801,
  "summary_gm_mean": 621.2510929260519,
  "summary_gm_median": 622.2737177610397,
  "summary_gm_n": 37778.0,
  "summary_gm_p05": 501.30798169076445,
  "summary_gm_p95": 736.0898841619492,
  "summary_gm_stdv": 71.54010225165578,
  "summary_wm_k": 0.7964631360434851,
  "summary_wm_mad": 30.910497728616104,
  "summary_wm_mean": 1001.0686213717522,
  "summary_wm_median": 1000.0218814015388,
  "summary_wm_n": 211806.0,
  "summary_wm_p05": 947.6594515442848,
  "summary_wm_p95": 1057.3014843463898,
  "summary_wm_stdv": 33.51598072093762,
  "tpm_overlap_csf": 0.14741965121636463,
  "tpm_overlap_gm": 0.4883109930515341,
  "tpm_overlap_wm": 0.5198447399755481,
  "wm2max": 0.7694079666403242
}