{
  "aor": 0.0059039999999999995,
  "aqi": 0.006432827777777778,
  "bids_meta": {
    "AcquisitionNumber": 8,
    "BidsifyVersion": "0.3.5",
    "ConversionSoftware": "dcm2niix",
    "ConversionSoftwareVersion": "v1.0.20181125  GCC6.3.0",
    "EchoTime": 0.02763,
    "EffectiveEchoSpacing": 0.0006909035636805814,
    "FlipAngle": 76.1,
    "ImageComments": "PIOP2",
    "ImageOrientationPatientDICOM": [
      0.999791,
      0.0182799,
      -0.00911083,
      -0.0155314,
      0.970129,
      0.242093
    ],
    "Manufacturer": "Philips",
    "NumberOfVolumesDiscardedByScanner": 2,
    "ParallelAcquisitionTechnique": "SENSE",
    "ParallelReductionFactorInPlane": 2,
    "PatientPosition": "HFS",
    "PhaseEncodingDirection": "j",
    "PhilipsRescaleIntercept": 0,
    "PhilipsRescaleSlope": 0.78217,
    "PhilipsScaleSlope": 0.0478149,
    "ProtocolName": "WIPtask-harriri_boldSENSE",
    "PulseSequenceType": "gradient echo EPI",
    "ReconMatrixPE": 80,
    "RepetitionTime": 2,
    "SeriesDescription": "ImageMRSERIES",
    "SeriesNumber": 8,
    "SliceEncodingDirection": "k",
    "SliceTiming": [
      0.0,
      0.0556,
      0.1111,
      0.1667,
      0.2222,
      0.2778,
      0.3333,
      0.3889,
      0.4444,
      0.5,
      0.5556,
      0.6111,
      0.6667,
      0.7222,
      0.7778,
      0.8333,
      0.8889,
      0.9444,
      1.0,
      1.0556,
      1.1111,
      1.1667,
      1.2222,
      1.2778,
      1.3333,
      1.3889,
      1.4444,
      1.5,
      1.5556,
      1.6111,
      1.6667,
      1.7222,
      1.7778,
      1.8333,
      1.8889,
      1.9444
    ],
    "TaskName": "emomatching",
    "TotalReadoutTime": 0.026945238983542674,
    "UsePhilipsFloatNotDisplayScaling": 1,
    "WaterFatShift": 12,
    "acq_id": "seq",
    "dataset": "ds002790",
    "modality": "bold",
    "subject_id": "0074",
    "task_id": "emomatching"
  },
  "dummy_trs": 0,
  "dvars_nstd": 18.98697455253731,
  "dvars_std": 1.2415020652985091,
  "dvars_vstd": 1.0340657661194026,
  "efc": 0.46783847175013765,
  "fber": 178809.828125,
  "fd_mean": 0.15111631380464466,
  "fd_num": 24,
  "fd_perc": 17.77777777777778,
  "fwhm_avg": 1.997055362372283,
  "fwhm_x": 1.9277366666666669,
  "fwhm_y": 2.2287233333333334,
  "fwhm_z": 1.8347060871168495,
  "gcor": 0.0528719,
  "gsr_x": -0.015217860229313374,
  "gsr_y": 0.020962653681635857,
  "provenance": {
    "md5sum": "f009c40efcf2106d6afb15e152f34b92",
    "settings": {
      "fd_thres": 0.2,
      "testing": false
    },
    "software": "mriqc",
    "version": "22.0.0rc1",
    "webapi_port": null,
    "webapi_url": "https://mriqc.nimh.nih.gov/api/v1"
  },
  "size_t": 135,
  "size_x": 80,
  "size_y": 80,
  "size_z": 36,
  "snr": 6.1177183991486075,
  "spacing_tr": 2.0,
  "spacing_x": 3.0,
  "spacing_y": 3.0,
  "spacing_z": 3.299999952316284,
  "summary_bg_k": 38.8540927183105,
  "summary_bg_mad": 71.1774140215568,
  "summary_bg_mean": 854.022216796875,
  "summary_bg_median": 66.74444580078125,
  "summary_bg_n": 147925.0,
  "summary_bg_p05": 9.01853713989258,
  "summary_bg_p95": 4573.874999999999,
  "summary_bg_stdv": 2259.811279296875,
  "summary_fg_k": 2.881212674509336,
  "summary_fg_mad": 4305.242290236169,
  "summary_fg_mean": 29348.29296875,
  "summary_fg_median": 28942.107421875,
  "summary_fg_n": 41036.0,
  "summary_fg_p05": 22865.951171875,
  "summary_fg_p95": 37218.7626953125,
  "summary_fg_stdv": 4730.80859375,
  "tsnr": 78.47925567626953
}