{
  "aor": 0.004090333333333333,
  "aqi": 0.005958121958333335,
  "bids_meta": {
    "AcquisitionNumber": 4,
    "BidsifyVersion": "0.3.5",
    "ConversionSoftware": "dcm2niix",
    "ConversionSoftwareVersion": "v1.0.20181125  GCC6.3.0",
    "EchoTime": 0.02763,
    "EffectiveEchoSpacing": 0.0006909035636805814,
    "FlipAngle": 76.1,
    "ImageComments": "PIOP2",
    "ImageOrientationPatientDICOM": [
      0.999791,
      0.0182799,
      -0.00911083,
      -0.0155314,
      0.970129,
      0.242093
    ],
    "Manufacturer": "Philips",
    "NumberOfVolumesDiscardedByScanner": 2,
    "ParallelAcquisitionTechnique": "SENSE",
    "ParallelReductionFactorInPlane": 2,
    "PatientPosition": "HFS",
    "PhaseEncodingDirection": "j",
    "PhilipsRescaleIntercept": 0,
    "PhilipsRescaleSlope": 0.75629,
    "PhilipsScaleSlope": 0.0490723,
    "ProtocolName": "WIPtask-rest_boldSENSE",
    "PulseSequenceType": "gradient echo EPI",
    "ReconMatrixPE": 80,
    "RepetitionTime": 2,
    "SeriesDescription": "ImageMRSERIES",
    "SeriesNumber": 4,
    "SliceEncodingDirection": "k",
    "SliceTiming": [
      0.0,
      0.0556,
      0.1111,
      0.1667,
      0.2222,
      0.2778,
      0.3333,
      0.3889,
      0.4444,
      0.5,
      0.5556,
      0.6111,
      0.6667,
      0.7222,
      0.7778,
      0.8333,
      0.8889,
      0.9444,
      1.0,
      1.0556,
      1.1111,
      1.1667,
      1.2222,
      1.2778,
      1.3333,
      1.3889,
      1.4444,
      1.5,
      1.5556,
      1.6111,
      1.6667,
      1.7222,
      1.7778,
      1.8333,
      1.8889,
      1.9444
    ],
    "TaskName": "restingstate",
    "TotalReadoutTime": 0.026945238983542674,
    "UsePhilipsFloatNotDisplayScaling": 1,
    "WaterFatShift": 12,
    "acq_id": "seq",
    "dataset": "ds002790",
    "modality": "bold",
    "subject_id": "0074",
    "task_id": "restingstate"
  },
  "dummy_trs": 0,
  "dvars_nstd": 18.02776554958159,
  "dvars_std": 1.2189767769456064,
  "dvars_vstd": 1.034269092552302,
  "efc": 0.4671644402854154,
  "fber": 170960.390625,
  "fd_mean": 0.12397690023023737,
  "fd_num": 24,
  "fd_perc": 10.0,
  "fwhm_avg": 1.9791309178925178,
  "fwhm_x": 1.9019033333333333,
  "fwhm_y": 2.2081166666666667,
  "fwhm_z": 1.8273727536775526,
  "gcor": 0.0320681,
  "gsr_x": -0.014628497883677483,
  "gsr_y": 0.020384807139635086,
  "provenance": {
    "md5sum": "806154c6be4f0a03727be60cdccd257d",
    "settings": {
      "fd_thres": 0.2,
      "testing": false
    },
    "software": "mriqc",
    "version": "22.0.0rc1",
    "webapi_port": null,
    "webapi_url": "https://mriqc.nimh.nih.gov/api/v1"
  },
  "size_t": 240,
  "size_x": 80,
  "size_y": 80,
  "size_z": 36,
  "snr": 6.320694803607209,
  "spacing_tr": 2.0,
  "spacing_x": 3.0,
  "spacing_y": 3.0,
  "spacing_z": 3.299999952316284,
  "summary_bg_k": 37.260855322997585,
  "summary_bg_mad": 72.97508278512355,
  "summary_bg_mean": 825.692626953125,
  "summary_bg_median": 67.6580581665039,
  "summary_bg_n": 147965.0,
  "summary_bg_p05": 8.641324043273928,
  "summary_bg_p95": 4360.758886718748,
  "summary_bg_stdv": 2194.236328125,
  "summary_fg_k": 2.7911434765316514,
  "summary_fg_mad": 4173.717809639228,
  "summary_fg_mean": 29019.876953125,
  "summary_fg_median": 28655.72265625,
  "summary_fg_n": 40972.0,
  "summary_fg_p05": 22766.57900390625,
  "summary_fg_p95": 36508.1908203125,
  "summary_fg_stdv": 4533.57958984375,
  "tsnr": 81.7696762084961
}