{
  "aor": 0.00669725,
  "aqi": 0.006113604375,
  "bids_meta": {
    "AcquisitionNumber": 3,
    "BidsifyVersion": "0.3.5",
    "ConversionSoftware": "dcm2niix",
    "ConversionSoftwareVersion": "v1.0.20181125  GCC6.3.0",
    "EchoTime": 0.02763,
    "EffectiveEchoSpacing": 0.0006909035636805814,
    "FlipAngle": 76.1,
    "ImageComments": "PIOP2",
    "ImageOrientationPatientDICOM": [
      0.999791,
      0.0182799,
      -0.00911083,
      -0.0155314,
      0.970129,
      0.242093
    ],
    "Manufacturer": "Philips",
    "NumberOfVolumesDiscardedByScanner": 2,
    "ParallelAcquisitionTechnique": "SENSE",
    "ParallelReductionFactorInPlane": 2,
    "PatientPosition": "HFS",
    "PhaseEncodingDirection": "j",
    "PhilipsRescaleIntercept": 0,
    "PhilipsRescaleSlope": 0.75018,
    "PhilipsScaleSlope": 0.049237,
    "ProtocolName": "WIPtask-wm_boldSENSE",
    "PulseSequenceType": "gradient echo EPI",
    "ReconMatrixPE": 80,
    "RepetitionTime": 2,
    "SeriesDescription": "ImageMRSERIES",
    "SeriesNumber": 3,
    "SliceEncodingDirection": "k",
    "SliceTiming": [
      0.0,
      0.0556,
      0.1111,
      0.1667,
      0.2222,
      0.2778,
      0.3333,
      0.3889,
      0.4444,
      0.5,
      0.5556,
      0.6111,
      0.6667,
      0.7222,
      0.7778,
      0.8333,
      0.8889,
      0.9444,
      1.0,
      1.0556,
      1.1111,
      1.1667,
      1.2222,
      1.2778,
      1.3333,
      1.3889,
      1.4444,
      1.5,
      1.5556,
      1.6111,
      1.6667,
      1.7222,
      1.7778,
      1.8333,
      1.8889,
      1.9444
    ],
    "TaskName": "workingmemory",
    "TotalReadoutTime": 0.026945238983542674,
    "UsePhilipsFloatNotDisplayScaling": 1,
    "WaterFatShift": 12,
    "acq_id": "seq",
    "dataset": "ds002790",
    "modality": "bold",
    "subject_id": "0074",
    "task_id": "workingmemory"
  },
  "dummy_trs": 0,
  "dvars_nstd": 18.767139327169804,
  "dvars_std": 1.2108864411320752,
  "dvars_vstd": 1.0150131220125787,
  "efc": 0.4658781659764613,
  "fber": 168495.125,
  "fd_mean": 0.13909869471197353,
  "fd_num": 20,
  "fd_perc": 12.5,
  "fwhm_avg": 1.9819336450800797,
  "fwhm_x": 1.9193733333333334,
  "fwhm_y": 2.216736666666667,
  "fwhm_z": 1.809690935240239,
  "gcor": 0.029425,
  "gsr_x": -0.013883791863918304,
  "gsr_y": 0.018741007894277573,
  "provenance": {
    "md5sum": "a9960f7c7ca7fc45e35837165ee46260",
    "settings": {
      "fd_thres": 0.2,
      "testing": false
    },
    "software": "mriqc",
    "version": "22.0.0rc1",
    "webapi_port": null,
    "webapi_url": "https://mriqc.nimh.nih.gov/api/v1"
  },
  "size_t": 160,
  "size_x": 80,
  "size_y": 80,
  "size_z": 36,
  "snr": 6.23760448154908,
  "spacing_tr": 2.0,
  "spacing_x": 3.0,
  "spacing_y": 3.0,
  "spacing_z": 3.299999952316284,
  "summary_bg_k": 36.53939203644545,
  "summary_bg_mad": 76.28920017595081,
  "summary_bg_mean": 822.197509765625,
  "summary_bg_median": 68.54596710205078,
  "summary_bg_n": 147949.0,
  "summary_bg_p05": 6.2659466743469245,
  "summary_bg_p95": 4324.567480468751,
  "summary_bg_stdv": 2216.57568359375,
  "summary_fg_k": 2.6930849989934877,
  "summary_fg_mad": 4236.373679762109,
  "summary_fg_mean": 29229.36328125,
  "summary_fg_median": 28854.712890625,
  "summary_fg_n": 40925.0,
  "summary_fg_p05": 22784.219921875,
  "summary_fg_p95": 36891.702343749996,
  "summary_fg_stdv": 4625.8720703125,
  "tsnr": 83.07438659667969
}