{
  "aor": 0.0046056854838709685,
  "aqi": 0.00515436870967742,
  "bids_meta": {
    "AcquisitionNumber": 7,
    "BidsifyVersion": "0.3.5",
    "ConversionSoftware": "dcm2niix",
    "ConversionSoftwareVersion": "v1.0.20181125  GCC6.3.0",
    "EchoTime": 0.02763,
    "EffectiveEchoSpacing": 0.0006909035636805814,
    "FlipAngle": 76.1,
    "ImageComments": "PIOP2",
    "ImageOrientationPatientDICOM": [
      0.998811,
      0.0301492,
      0.0383042,
      -0.0298185,
      0.999513,
      -0.00917554
    ],
    "Manufacturer": "Philips",
    "NumberOfVolumesDiscardedByScanner": 2,
    "ParallelAcquisitionTechnique": "SENSE",
    "ParallelReductionFactorInPlane": 2,
    "PatientPosition": "HFS",
    "PhaseEncodingDirection": "j",
    "PhilipsRescaleIntercept": 0,
    "PhilipsRescaleSlope": 0.81978,
    "PhilipsScaleSlope": 0.0580117,
    "ProtocolName": "WIPtask-stop_boldSENSE",
    "PulseSequenceType": "gradient echo EPI",
    "ReconMatrixPE": 80,
    "RepetitionTime": 2,
    "SeriesDescription": "ImageMRSERIES",
    "SeriesNumber": 7,
    "SliceEncodingDirection": "k",
    "SliceTiming": [
      0.0,
      0.0556,
      0.1111,
      0.1667,
      0.2222,
      0.2778,
      0.3333,
      0.3889,
      0.4444,
      0.5,
      0.5556,
      0.6111,
      0.6667,
      0.7222,
      0.7778,
      0.8333,
      0.8889,
      0.9444,
      1.0,
      1.0556,
      1.1111,
      1.1667,
      1.2222,
      1.2778,
      1.3333,
      1.3889,
      1.4444,
      1.5,
      1.5556,
      1.6111,
      1.6667,
      1.7222,
      1.7778,
      1.8333,
      1.8889,
      1.9444
    ],
    "TaskName": "stopsignal",
    "TotalReadoutTime": 0.026945238983542674,
    "UsePhilipsFloatNotDisplayScaling": 1,
    "WaterFatShift": 12,
    "acq_id": "seq",
    "dataset": "ds002790",
    "modality": "bold",
    "subject_id": "0128",
    "task_id": "stopsignal"
  },
  "dummy_trs": 0,
  "dvars_nstd": 23.733711922307677,
  "dvars_std": 1.410649569433199,
  "dvars_vstd": 1.025246199068826,
  "efc": 0.4143628098757451,
  "fber": 215713.84375,
  "fd_mean": 0.2000159553398217,
  "fd_num": 90,
  "fd_perc": 36.29032258064516,
  "fwhm_avg": 1.859595462835853,
  "fwhm_x": 1.8113766666666666,
  "fwhm_y": 2.0461733333333334,
  "fwhm_z": 1.7212363885075597,
  "gcor": 0.0212101,
  "gsr_x": -0.020170584321022034,
  "gsr_y": 0.010880592279136181,
  "provenance": {
    "md5sum": "a1b562ba45f1aebfc5ea751805c2e84a",
    "settings": {
      "fd_thres": 0.2,
      "testing": false
    },
    "software": "mriqc",
    "version": "22.0.0rc1",
    "webapi_port": null,
    "webapi_url": "https://mriqc.nimh.nih.gov/api/v1"
  },
  "size_t": 248,
  "size_x": 80,
  "size_y": 80,
  "size_z": 36,
  "snr": 6.4250656543544835,
  "spacing_tr": 2.0,
  "spacing_x": 3.0,
  "spacing_y": 3.0,
  "spacing_z": 3.299999952316284,
  "summary_bg_k": 48.3797118387603,
  "summary_bg_mad": 57.17438710266917,
  "summary_bg_mean": 531.900146484375,
  "summary_bg_median": 53.72084045410156,
  "summary_bg_n": 158280.0,
  "summary_bg_p05": 5.170567560195924,
  "summary_bg_p95": 2585.5021850585927,
  "summary_bg_stdv": 1551.712646484375,
  "summary_fg_k": 1.8283780563091128,
  "summary_fg_mad": 3796.0943914539184,
  "summary_fg_mean": 25737.57421875,
  "summary_fg_median": 25462.55859375,
  "summary_fg_n": 32346.0,
  "summary_fg_p05": 20067.49560546875,
  "summary_fg_p95": 32194.4658203125,
  "summary_fg_stdv": 3962.9423828125,
  "tsnr": 89.77277374267578
}