{
  "aor": 0.004225555555555555,
  "aqi": 0.004019585185185186,
  "bids_meta": {
    "AcquisitionNumber": 8,
    "BidsifyVersion": "0.3.5",
    "ConversionSoftware": "dcm2niix",
    "ConversionSoftwareVersion": "v1.0.20181125  GCC6.3.0",
    "EchoTime": 0.02763,
    "EffectiveEchoSpacing": 0.0006909035636805814,
    "FlipAngle": 76.1,
    "ImageComments": "PIOP2",
    "ImageOrientationPatientDICOM": [
      0.998811,
      0.0301492,
      0.0383042,
      -0.0298185,
      0.999513,
      -0.00917554
    ],
    "Manufacturer": "Philips",
    "NumberOfVolumesDiscardedByScanner": 2,
    "ParallelAcquisitionTechnique": "SENSE",
    "ParallelReductionFactorInPlane": 2,
    "PatientPosition": "HFS",
    "PhaseEncodingDirection": "j",
    "PhilipsRescaleIntercept": 0,
    "PhilipsRescaleSlope": 0.82076,
    "PhilipsScaleSlope": 0.0567593,
    "ProtocolName": "WIPtask-harriri_boldSENSE",
    "PulseSequenceType": "gradient echo EPI",
    "ReconMatrixPE": 80,
    "RepetitionTime": 2,
    "SeriesDescription": "ImageMRSERIES",
    "SeriesNumber": 8,
    "SliceEncodingDirection": "k",
    "SliceTiming": [
      0.0,
      0.0556,
      0.1111,
      0.1667,
      0.2222,
      0.2778,
      0.3333,
      0.3889,
      0.4444,
      0.5,
      0.5556,
      0.6111,
      0.6667,
      0.7222,
      0.7778,
      0.8333,
      0.8889,
      0.9444,
      1.0,
      1.0556,
      1.1111,
      1.1667,
      1.2222,
      1.2778,
      1.3333,
      1.3889,
      1.4444,
      1.5,
      1.5556,
      1.6111,
      1.6667,
      1.7222,
      1.7778,
      1.8333,
      1.8889,
      1.9444
    ],
    "TaskName": "emomatching",
    "TotalReadoutTime": 0.026945238983542674,
    "UsePhilipsFloatNotDisplayScaling": 1,
    "WaterFatShift": 12,
    "acq_id": "seq",
    "dataset": "ds002790",
    "modality": "bold",
    "subject_id": "0128",
    "task_id": "emomatching"
  },
  "dummy_trs": 0,
  "dvars_nstd": 23.85381774029851,
  "dvars_std": 1.4206072377611931,
  "dvars_vstd": 1.042221013432836,
  "efc": 0.414007607692753,
  "fber": 220530.1875,
  "fd_mean": 0.20593807024237729,
  "fd_num": 59,
  "fd_perc": 43.7037037037037,
  "fwhm_avg": 1.8482302103253276,
  "fwhm_x": 1.7965799999999998,
  "fwhm_y": 2.0238166666666664,
  "fwhm_z": 1.7242939643093163,
  "gcor": 0.0293548,
  "gsr_x": -0.01996714435517788,
  "gsr_y": 0.010318010114133358,
  "provenance": {
    "md5sum": "b388049ce666acc323ff3ce5c1f6ba50",
    "settings": {
      "fd_thres": 0.2,
      "testing": false
    },
    "software": "mriqc",
    "version": "22.0.0rc1",
    "webapi_port": null,
    "webapi_url": "https://mriqc.nimh.nih.gov/api/v1"
  },
  "size_t": 135,
  "size_x": 80,
  "size_y": 80,
  "size_z": 36,
  "snr": 6.48017505082847,
  "spacing_tr": 2.0,
  "spacing_x": 3.0,
  "spacing_y": 3.0,
  "spacing_z": 3.299999952316284,
  "summary_bg_k": 47.475931043098456,
  "summary_bg_mad": 56.910821874163005,
  "summary_bg_mean": 526.4624633789062,
  "summary_bg_median": 52.626625061035156,
  "summary_bg_n": 158359.0,
  "summary_bg_p05": 4.4740653991699215,
  "summary_bg_p95": 2565.1731933593774,
  "summary_bg_stdv": 1537.056884765625,
  "summary_fg_k": 1.8513708337892574,
  "summary_fg_mad": 3717.910290087412,
  "summary_fg_mean": 25544.001953125,
  "summary_fg_median": 25245.11328125,
  "summary_fg_n": 32318.0,
  "summary_fg_p05": 19989.7220703125,
  "summary_fg_p95": 31880.881835937496,
  "summary_fg_stdv": 3895.685302734375,
  "tsnr": 99.57377624511719
}