{
  "bids_meta": {
    "AcquisitionNumber": 2,
    "BidsifyVersion": "0.3.5",
    "ConversionSoftware": "dcm2niix",
    "ConversionSoftwareVersion": "v1.0.20181125  GCC6.3.0",
    "EchoTime": 0.00383,
    "ImageComments": "PIOP2",
    "ImageOrientationPatientDICOM": [
      0.998943,
      -0.0332702,
      -0.031719,
      0.0383755,
      0.983457,
      0.177028
    ],
    "Manufacturer": "Philips",
    "PatientPosition": "HFS",
    "PhilipsRescaleIntercept": 0,
    "PhilipsRescaleSlope": 8.71429,
    "PhilipsScaleSlope": 0.00732013,
    "ProtocolName": "WIPT1anat_acq-6m_T1wSENSE",
    "ReconMatrixPE": 240,
    "RepetitionTime": 0.008318,
    "SeriesDescription": "ImageMRSERIES",
    "SeriesNumber": 2,
    "UsePhilipsFloatNotDisplayScaling": 1,
    "dataset": "ds002790",
    "modality": "T1w",
    "subject_id": "0214"
  },
  "cjv": 0.24469293951066728,
  "cnr": 5.321945482604473,
  "efc": 0.7371983009783896,
  "fber": 10636.421366046628,
  "fwhm_avg": 5.068780108340985,
  "fwhm_x": 4.64175,
  "fwhm_y": 5.11161,
  "fwhm_z": 5.452980325022955,
  "icvs_csf": 0.24350838781547138,
  "icvs_gm": 0.4213156568219481,
  "icvs_wm": 0.33517595536258055,
  "inu_med": 0.48529303073883057,
  "inu_range": 0.1650078862905502,
  "provenance": {
    "md5sum": "22f8651f2e01e569b2dfcd2d922a6e33",
    "settings": {
      "testing": false
    },
    "software": "mriqc",
    "version": "23.0.1",
    "warnings": {
      "large_rot_frame": true,
      "small_air_mask": true
    },
    "webapi_port": null,
    "webapi_url": "https://mriqc.nimh.nih.gov/api/v1"
  },
  "qi_1": 0.0017619615927091244,
  "qi_2": 0.00010726083686431775,
  "rpve_csf": 20.286606523247745,
  "rpve_gm": 11.965834771692327,
  "rpve_wm": 18.704456755403626,
  "size_x": 240,
  "size_y": 240,
  "size_z": 220,
  "snr_csf": 1.7932531278174788,
  "snr_gm": 9.878923459773711,
  "snr_total": 14.27800240768682,
  "snr_wm": 31.161830635469276,
  "snrd_csf": 12.571036132484434,
  "snrd_gm": 41.83341599659027,
  "snrd_total": 40.593598303106745,
  "snrd_wm": 67.37634278024552,
  "spacing_x": 1.0,
  "spacing_y": 1.0,
  "spacing_z": 0.9999999403953552,
  "summary_bg_k": 59.66787139528612,
  "summary_bg_mad": 0.0,
  "summary_bg_mean": 2.5998512525135915,
  "summary_bg_median": 0.0,
  "summary_bg_n": 106528.0,
  "summary_bg_p05": 0.0,
  "summary_bg_p95": 10.859468070790172,
  "summary_bg_stdv": 9.723537353907941,
  "summary_csf_k": -0.46922767686350264,
  "summary_csf_mad": 125.58867549302343,
  "summary_csf_mean": 199.69087347866454,
  "summary_csf_median": 186.57937402278185,
  "summary_csf_n": 46691.0,
  "summary_csf_p05": 55.20413911342621,
  "summary_csf_p95": 370.6263466319069,
  "summary_csf_stdv": 104.04408228539747,
  "summary_gm_k": 0.3716287560056366,
  "summary_gm_mad": 61.712242109104466,
  "summary_gm_mean": 621.2795555955577,
  "summary_gm_median": 620.8917457256466,
  "summary_gm_n": 52547.0,
  "summary_gm_p05": 519.0206460636109,
  "summary_gm_p95": 721.9223977569491,
  "summary_gm_stdv": 62.849544311185014,
  "summary_wm_k": 0.24761233320376386,
  "summary_wm_mad": 31.052865715899006,
  "summary_wm_mean": 998.8936306018925,
  "summary_wm_median": 999.9999783150852,
  "summary_wm_n": 215874.0,
  "summary_wm_p05": 944.132327914238,
  "summary_wm_p95": 1049.7854419145733,
  "summary_wm_stdv": 32.090465860125555,
  "tpm_overlap_csf": 0.1465988299782386,
  "tpm_overlap_gm": 0.47662648327377405,
  "tpm_overlap_wm": 0.5039364885271771,
  "wm2max": 0.8284745686809323
}