{
  "bids_meta": {
    "AcquisitionNumber": 2,
    "BidsifyVersion": "0.3.5",
    "ConversionSoftware": "dcm2niix",
    "ConversionSoftwareVersion": "v1.0.20181125  GCC6.3.0",
    "EchoTime": 0.00373,
    "ImageComments": "PIOP2",
    "ImageOrientationPatientDICOM": [
      0.999694,
      0.0235777,
      0.00749128,
      -0.0237337,
      0.999488,
      0.0214686
    ],
    "Manufacturer": "Philips",
    "NumberSignalAcquisitions": 2,
    "PatientPosition": "HFS",
    "PhilipsRescaleIntercept": 0,
    "PhilipsRescaleSlope": 9.57411,
    "PhilipsScaleSlope": 0.00745789,
    "ProtocolName": "WIPT1anat_acq-6m_T1wSENSE",
    "ReconMatrixPE": 240,
    "RepetitionTime": 0.008134,
    "SeriesDescription": "ImageMRSERIES",
    "SeriesNumber": 2,
    "UsePhilipsFloatNotDisplayScaling": 1,
    "dataset": "ds002790",
    "modality": "T1w",
    "subject_id": "0110"
  },
  "cjv": 0.27927634575794086,
  "cnr": 4.4521873909594145,
  "efc": 0.7597509583774094,
  "fber": 1757.64013671875,
  "fwhm_avg": 4.523266666666667,
  "fwhm_x": 4.1988,
  "fwhm_y": 4.69938,
  "fwhm_z": 4.67162,
  "icvs_csf": 0.26310977230071475,
  "icvs_gm": 0.3845175571658338,
  "icvs_wm": 0.35237267053345145,
  "inu_med": 1.707007884979248,
  "inu_range": 0.31412917375564575,
  "provenance": {
    "md5sum": "f9a6d11ea54aa84697cfc5aaee12da2b",
    "settings": {
      "testing": false
    },
    "software": "mriqc",
    "version": "22.0.0rc1",
    "warnings": {
      "large_rot_frame": true,
      "small_air_mask": true
    },
    "webapi_port": null,
    "webapi_url": "https://mriqc.nimh.nih.gov/api/v1"
  },
  "qi_1": 0.0,
  "qi_2": 0.00017756639802032404,
  "rpve_csf": 24.667041213216518,
  "rpve_gm": 16.10253237328466,
  "rpve_wm": 23.147364903570747,
  "size_x": 240,
  "size_y": 240,
  "size_z": 220,
  "snr_csf": 2.7405924314950063,
  "snr_gm": 9.466175380186987,
  "snr_total": 13.094865860376034,
  "snr_wm": 27.07782976944611,
  "snrd_csf": 23.120543760388966,
  "snrd_gm": 54.462052652517414,
  "snrd_total": 53.74614527571051,
  "snrd_wm": 83.65583941422513,
  "spacing_x": 1.0,
  "spacing_y": 1.0,
  "spacing_z": 1.0,
  "summary_bg_k": 144.58016583736625,
  "summary_bg_mad": 7.831273270732337,
  "summary_bg_mean": 8.643277168273926,
  "summary_bg_median": 5.424108982086182,
  "summary_bg_n": 168974.0,
  "summary_bg_p05": 0.0,
  "summary_bg_p95": 21.492768383026124,
  "summary_bg_stdv": 7.0989155769348145,
  "summary_csf_k": -0.7203830796507309,
  "summary_csf_mad": 119.21417213418212,
  "summary_csf_mean": 272.5174560546875,
  "summary_csf_median": 276.3749694824219,
  "summary_csf_n": 18602.0,
  "summary_csf_p05": 112.42730255126953,
  "summary_csf_p95": 427.3123382568359,
  "summary_csf_stdv": 100.8422622680664,
  "summary_gm_k": 0.504495192719562,
  "summary_gm_mad": 64.34515346120247,
  "summary_gm_mean": 657.6778564453125,
  "summary_gm_median": 651.0205078125,
  "summary_gm_n": 20270.0,
  "summary_gm_p05": 558.9674926757813,
  "summary_gm_p95": 783.4789367675781,
  "summary_gm_stdv": 68.77164459228516,
  "summary_wm_k": 1.0836346244986608,
  "summary_wm_mad": 33.11458656303796,
  "summary_wm_mean": 997.2161865234375,
  "summary_wm_median": 999.992919921875,
  "summary_wm_n": 195011.0,
  "summary_wm_p05": 931.8473815917969,
  "summary_wm_p95": 1052.2547607421875,
  "summary_wm_stdv": 36.93022537231445,
  "tpm_overlap_csf": 0.1739523559808731,
  "tpm_overlap_gm": 0.4436954855918884,
  "tpm_overlap_wm": 0.5107793807983398,
  "wm2max": 0.8092071934198161
}