{
  "aor": 0.0032407407407407406,
  "aqi": 0.0029607874814814817,
  "bids_meta": {
    "AcquisitionNumber": 8,
    "BidsifyVersion": "0.3.5",
    "ConversionSoftware": "dcm2niix",
    "ConversionSoftwareVersion": "v1.0.20181125  GCC6.3.0",
    "EchoTime": 0.02763,
    "EffectiveEchoSpacing": 0.0006909035636805814,
    "FlipAngle": 76.1,
    "ImageComments": "PIOP2",
    "ImageOrientationPatientDICOM": [
      0.993803,
      -0.110035,
      -0.0157467,
      0.11077,
      0.992157,
      0.0579185
    ],
    "Manufacturer": "Philips",
    "NumberOfVolumesDiscardedByScanner": 2,
    "ParallelAcquisitionTechnique": "SENSE",
    "ParallelReductionFactorInPlane": 2,
    "PatientPosition": "HFS",
    "PhaseEncodingDirection": "j",
    "PhilipsRescaleIntercept": 0,
    "PhilipsRescaleSlope": 0.80757,
    "PhilipsScaleSlope": 0.0562921,
    "ProtocolName": "WIPtask-harriri_boldSENSE",
    "PulseSequenceType": "gradient echo EPI",
    "ReconMatrixPE": 80,
    "RepetitionTime": 2,
    "SeriesDescription": "ImageMRSERIES",
    "SeriesNumber": 8,
    "SliceEncodingDirection": "k",
    "SliceTiming": [
      0.0,
      0.0556,
      0.1111,
      0.1667,
      0.2222,
      0.2778,
      0.3333,
      0.3889,
      0.4444,
      0.5,
      0.5556,
      0.6111,
      0.6667,
      0.7222,
      0.7778,
      0.8333,
      0.8889,
      0.9444,
      1.0,
      1.0556,
      1.1111,
      1.1667,
      1.2222,
      1.2778,
      1.3333,
      1.3889,
      1.4444,
      1.5,
      1.5556,
      1.6111,
      1.6667,
      1.7222,
      1.7778,
      1.8333,
      1.8889,
      1.9444
    ],
    "TaskName": "emomatching",
    "TotalReadoutTime": 0.026945238983542674,
    "UsePhilipsFloatNotDisplayScaling": 1,
    "WaterFatShift": 12,
    "acq_id": "seq",
    "dataset": "ds002790",
    "modality": "bold",
    "subject_id": "0087",
    "task_id": "emomatching"
  },
  "dummy_trs": 0,
  "dvars_nstd": 19.553971774552235,
  "dvars_std": 1.2765695990298516,
  "dvars_vstd": 1.0291067103731344,
  "efc": 0.4369811522924371,
  "fber": 212823.59375,
  "fd_mean": 0.1604869543320312,
  "fd_num": 31,
  "fd_perc": 22.962962962962962,
  "fwhm_avg": 2.2654155657841137,
  "fwhm_x": 2.1724466666666666,
  "fwhm_y": 2.5001666666666664,
  "fwhm_z": 2.123633364019009,
  "gcor": 0.0851301,
  "gsr_x": -0.02140689454972744,
  "gsr_y": 0.02266952209174633,
  "provenance": {
    "md5sum": "50e4582a3be80816a12ac38c63b6ddec",
    "settings": {
      "fd_thres": 0.2,
      "testing": false
    },
    "software": "mriqc",
    "version": "22.0.0rc1",
    "webapi_port": null,
    "webapi_url": "https://mriqc.nimh.nih.gov/api/v1"
  },
  "size_t": 135,
  "size_x": 80,
  "size_y": 80,
  "size_z": 36,
  "snr": 5.3622979354003855,
  "spacing_tr": 2.0,
  "spacing_x": 3.0,
  "spacing_y": 3.0,
  "spacing_z": 3.299999952316284,
  "summary_bg_k": 65.64781271960484,
  "summary_bg_mad": 63.99056149908313,
  "summary_bg_mean": 789.2792358398438,
  "summary_bg_median": 56.59907531738281,
  "summary_bg_n": 154516.0,
  "summary_bg_p05": 5.182777643203735,
  "summary_bg_p95": 4182.486572265625,
  "summary_bg_stdv": 2327.265380859375,
  "summary_fg_k": 1.1264758317832175,
  "summary_fg_mad": 4553.901033217426,
  "summary_fg_mean": 27310.57421875,
  "summary_fg_median": 26903.34375,
  "summary_fg_n": 34150.0,
  "summary_fg_p05": 19756.9794921875,
  "summary_fg_p95": 36023.856054687494,
  "summary_fg_stdv": 5017.05615234375,
  "tsnr": 94.18203735351562
}