{
  "aor": 0.0015117916666666667,
  "aqi": 0.0037207982083333336,
  "bids_meta": {
    "AcquisitionNumber": 4,
    "BidsifyVersion": "0.3.5",
    "ConversionSoftware": "dcm2niix",
    "ConversionSoftwareVersion": "v1.0.20181125  GCC6.3.0",
    "EchoTime": 0.02763,
    "EffectiveEchoSpacing": 0.0006909035636805814,
    "FlipAngle": 76.1,
    "ImageComments": "PIOP2",
    "ImageOrientationPatientDICOM": [
      0.993803,
      -0.110035,
      -0.0157467,
      0.11077,
      0.992157,
      0.0579185
    ],
    "Manufacturer": "Philips",
    "NumberOfVolumesDiscardedByScanner": 2,
    "ParallelAcquisitionTechnique": "SENSE",
    "ParallelReductionFactorInPlane": 2,
    "PatientPosition": "HFS",
    "PhaseEncodingDirection": "j",
    "PhilipsRescaleIntercept": 0,
    "PhilipsRescaleSlope": 0.8127,
    "PhilipsScaleSlope": 0.0562026,
    "ProtocolName": "WIPtask-rest_boldSENSE",
    "PulseSequenceType": "gradient echo EPI",
    "ReconMatrixPE": 80,
    "RepetitionTime": 2,
    "SeriesDescription": "ImageMRSERIES",
    "SeriesNumber": 4,
    "SliceEncodingDirection": "k",
    "SliceTiming": [
      0.0,
      0.0556,
      0.1111,
      0.1667,
      0.2222,
      0.2778,
      0.3333,
      0.3889,
      0.4444,
      0.5,
      0.5556,
      0.6111,
      0.6667,
      0.7222,
      0.7778,
      0.8333,
      0.8889,
      0.9444,
      1.0,
      1.0556,
      1.1111,
      1.1667,
      1.2222,
      1.2778,
      1.3333,
      1.3889,
      1.4444,
      1.5,
      1.5556,
      1.6111,
      1.6667,
      1.7222,
      1.7778,
      1.8333,
      1.8889,
      1.9444
    ],
    "TaskName": "restingstate",
    "TotalReadoutTime": 0.026945238983542674,
    "UsePhilipsFloatNotDisplayScaling": 1,
    "WaterFatShift": 12,
    "acq_id": "seq",
    "dataset": "ds002790",
    "modality": "bold",
    "subject_id": "0087",
    "task_id": "restingstate"
  },
  "dummy_trs": 0,
  "dvars_nstd": 22.023005920669448,
  "dvars_std": 1.2700840635564847,
  "dvars_vstd": 0.9994315601255235,
  "efc": 0.43650088994157255,
  "fber": 190912.078125,
  "fd_mean": 0.20157706326407465,
  "fd_num": 106,
  "fd_perc": 44.166666666666664,
  "fwhm_avg": 2.1719645551617797,
  "fwhm_x": 2.1113166666666667,
  "fwhm_y": 2.38918,
  "fwhm_z": 2.015396998818672,
  "gcor": 0.0779947,
  "gsr_x": -0.02603350766003132,
  "gsr_y": 0.02150125801563263,
  "provenance": {
    "md5sum": "3cf36de190370326db7f7e2ea47de86e",
    "settings": {
      "fd_thres": 0.2,
      "testing": false
    },
    "software": "mriqc",
    "version": "22.0.0rc1",
    "webapi_port": null,
    "webapi_url": "https://mriqc.nimh.nih.gov/api/v1"
  },
  "size_t": 240,
  "size_x": 80,
  "size_y": 80,
  "size_z": 36,
  "snr": 5.419588007022736,
  "spacing_tr": 2.0,
  "spacing_x": 3.0,
  "spacing_y": 3.0,
  "spacing_z": 3.299999952316284,
  "summary_bg_k": 50.90730932102088,
  "summary_bg_mad": 66.05361803359422,
  "summary_bg_mean": 873.8876342773438,
  "summary_bg_median": 61.047725677490234,
  "summary_bg_n": 155577.0,
  "summary_bg_p05": 6.919940948486328,
  "summary_bg_p95": 4722.471874999993,
  "summary_bg_stdv": 2546.822021484375,
  "summary_fg_k": 1.1127533994524539,
  "summary_fg_mad": 4602.4345380675495,
  "summary_fg_mean": 27708.833984375,
  "summary_fg_median": 27265.55078125,
  "summary_fg_n": 34078.0,
  "summary_fg_p05": 20221.51806640625,
  "summary_fg_p95": 36474.44765625,
  "summary_fg_stdv": 5030.85302734375,
  "tsnr": 84.53623962402344
}