{
  "aor": 0.003469875,
  "aqi": 0.0036103269374999996,
  "bids_meta": {
    "AcquisitionNumber": 3,
    "BidsifyVersion": "0.3.5",
    "ConversionSoftware": "dcm2niix",
    "ConversionSoftwareVersion": "v1.0.20181125  GCC6.3.0",
    "EchoTime": 0.02763,
    "EffectiveEchoSpacing": 0.0006909035636805814,
    "FlipAngle": 76.1,
    "ImageComments": "PIOP2",
    "ImageOrientationPatientDICOM": [
      0.992708,
      0.0313254,
      0.116406,
      -0.025995,
      0.998555,
      -0.0470314
    ],
    "Manufacturer": "Philips",
    "NumberOfVolumesDiscardedByScanner": 2,
    "ParallelAcquisitionTechnique": "SENSE",
    "ParallelReductionFactorInPlane": 2,
    "PatientPosition": "HFS",
    "PhaseEncodingDirection": "j",
    "PhilipsRescaleIntercept": 0,
    "PhilipsRescaleSlope": 0.76459,
    "PhilipsScaleSlope": 0.0531329,
    "ProtocolName": "WIPtask-wm_boldSENSE",
    "PulseSequenceType": "gradient echo EPI",
    "ReconMatrixPE": 80,
    "RepetitionTime": 2,
    "SeriesDescription": "ImageMRSERIES",
    "SeriesNumber": 3,
    "SliceEncodingDirection": "k",
    "SliceTiming": [
      0.0,
      0.0556,
      0.1111,
      0.1667,
      0.2222,
      0.2778,
      0.3333,
      0.3889,
      0.4444,
      0.5,
      0.5556,
      0.6111,
      0.6667,
      0.7222,
      0.7778,
      0.8333,
      0.8889,
      0.9444,
      1.0,
      1.0556,
      1.1111,
      1.1667,
      1.2222,
      1.2778,
      1.3333,
      1.3889,
      1.4444,
      1.5,
      1.5556,
      1.6111,
      1.6667,
      1.7222,
      1.7778,
      1.8333,
      1.8889,
      1.9444
    ],
    "TaskName": "workingmemory",
    "TotalReadoutTime": 0.026945238983542674,
    "UsePhilipsFloatNotDisplayScaling": 1,
    "WaterFatShift": 12,
    "acq_id": "seq",
    "dataset": "ds002790",
    "modality": "bold",
    "subject_id": "0093",
    "task_id": "workingmemory"
  },
  "dummy_trs": 0,
  "dvars_nstd": 19.40915125100629,
  "dvars_std": 1.2297791979245287,
  "dvars_vstd": 1.0099910732704402,
  "efc": 0.47135185509604544,
  "fber": 157112.453125,
  "fd_mean": 0.18156983789665435,
  "fd_num": 55,
  "fd_perc": 34.375,
  "fwhm_avg": 1.9704439032086132,
  "fwhm_x": 1.8558199999999998,
  "fwhm_y": 2.17733,
  "fwhm_z": 1.878181709625839,
  "gcor": 0.0503326,
  "gsr_x": -0.0030972755048424006,
  "gsr_y": 0.012879042886197567,
  "provenance": {
    "md5sum": "95c3d3a989fca73827b822505c5dc38b",
    "settings": {
      "fd_thres": 0.2,
      "testing": false
    },
    "software": "mriqc",
    "version": "22.0.0rc1",
    "webapi_port": null,
    "webapi_url": "https://mriqc.nimh.nih.gov/api/v1"
  },
  "size_t": 160,
  "size_x": 80,
  "size_y": 80,
  "size_z": 36,
  "snr": 5.267647531311706,
  "spacing_tr": 2.0,
  "spacing_x": 3.0,
  "spacing_y": 3.0,
  "spacing_z": 3.3000001907348633,
  "summary_bg_k": 23.836069650764536,
  "summary_bg_mad": 80.11987756043291,
  "summary_bg_mean": 825.5567016601562,
  "summary_bg_median": 68.19882202148438,
  "summary_bg_n": 146799.0,
  "summary_bg_p05": 6.528014850616455,
  "summary_bg_p95": 4380.3511718750015,
  "summary_bg_stdv": 2068.400634765625,
  "summary_fg_k": 1.8069213662686732,
  "summary_fg_mad": 4501.614691501711,
  "summary_fg_mean": 27848.7109375,
  "summary_fg_median": 27111.373046875,
  "summary_fg_n": 42491.0,
  "summary_fg_p05": 21119.2255859375,
  "summary_fg_p95": 37384.546875,
  "summary_fg_stdv": 5146.7099609375,
  "tsnr": 88.63645935058594
}