{
  "aor": 0.0026698190045248865,
  "aqi": 0.0030751649773755655,
  "bids_meta": {
    "AcquisitionNumber": 7,
    "BidsifyVersion": "0.3.5",
    "ConversionSoftware": "dcm2niix",
    "ConversionSoftwareVersion": "v1.0.20181125  GCC6.3.0",
    "EchoTime": 0.02763,
    "EffectiveEchoSpacing": 0.0006909035636805814,
    "FlipAngle": 76.1,
    "ImageComments": "PIOP2",
    "ImageOrientationPatientDICOM": [
      0.999359,
      -0.0282192,
      -0.0220477,
      0.0242493,
      0.986292,
      -0.16322
    ],
    "Manufacturer": "Philips",
    "NumberOfVolumesDiscardedByScanner": 2,
    "ParallelAcquisitionTechnique": "SENSE",
    "ParallelReductionFactorInPlane": 2,
    "PatientPosition": "HFS",
    "PhaseEncodingDirection": "j",
    "PhilipsRescaleIntercept": 0,
    "PhilipsRescaleSlope": 0.79731,
    "PhilipsScaleSlope": 0.05119,
    "ProtocolName": "WIPtask-stop_boldSENSE",
    "PulseSequenceType": "gradient echo EPI",
    "ReconMatrixPE": 80,
    "RepetitionTime": 2,
    "SeriesDescription": "ImageMRSERIES",
    "SeriesNumber": 7,
    "SliceEncodingDirection": "k",
    "SliceTiming": [
      0.0,
      0.0556,
      0.1111,
      0.1667,
      0.2222,
      0.2778,
      0.3333,
      0.3889,
      0.4444,
      0.5,
      0.5556,
      0.6111,
      0.6667,
      0.7222,
      0.7778,
      0.8333,
      0.8889,
      0.9444,
      1.0,
      1.0556,
      1.1111,
      1.1667,
      1.2222,
      1.2778,
      1.3333,
      1.3889,
      1.4444,
      1.5,
      1.5556,
      1.6111,
      1.6667,
      1.7222,
      1.7778,
      1.8333,
      1.8889,
      1.9444
    ],
    "TaskName": "stopsignal",
    "TotalReadoutTime": 0.026945238983542674,
    "UsePhilipsFloatNotDisplayScaling": 1,
    "WaterFatShift": 12,
    "acq_id": "seq",
    "dataset": "ds002790",
    "modality": "bold",
    "subject_id": "0003",
    "task_id": "stopsignal"
  },
  "dummy_trs": 0,
  "dvars_nstd": 21.657699459136342,
  "dvars_std": 1.3007919669090908,
  "dvars_vstd": 1.0207155328636361,
  "efc": 0.39842719511197844,
  "fber": 220319.640625,
  "fd_mean": 0.20972258973306557,
  "fd_num": 109,
  "fd_perc": 49.321266968325794,
  "fwhm_avg": 1.9733513791221566,
  "fwhm_x": 1.9322033333333335,
  "fwhm_y": 2.170193333333333,
  "fwhm_z": 1.8176574706998032,
  "gcor": 0.0300982,
  "gsr_x": -0.015612420625984669,
  "gsr_y": 0.01001159381121397,
  "provenance": {
    "md5sum": "1e990ed00bb99ed54fd6f16f0cf9be2f",
    "settings": {
      "fd_thres": 0.2,
      "testing": false
    },
    "software": "mriqc",
    "version": "22.0.0rc1",
    "webapi_port": null,
    "webapi_url": "https://mriqc.nimh.nih.gov/api/v1"
  },
  "size_t": 221,
  "size_x": 80,
  "size_y": 80,
  "size_z": 36,
  "snr": 4.7669635793290555,
  "spacing_tr": 2.0,
  "spacing_x": 3.0,
  "spacing_y": 3.0,
  "spacing_z": 3.3000001907348633,
  "summary_bg_k": 91.76765513747662,
  "summary_bg_mad": 61.88523725033863,
  "summary_bg_mean": 479.1393737792969,
  "summary_bg_median": 56.11882781982422,
  "summary_bg_n": 159686.0,
  "summary_bg_p05": 3.9278693795204163,
  "summary_bg_p95": 2065.6504516601562,
  "summary_bg_stdv": 1537.4735107421875,
  "summary_fg_k": 1.8571183113455607,
  "summary_fg_mad": 4884.802211567603,
  "summary_fg_mean": 27418.732421875,
  "summary_fg_median": 26566.23046875,
  "summary_fg_n": 31482.0,
  "summary_fg_p05": 20217.1044921875,
  "summary_fg_p95": 37672.85625,
  "summary_fg_stdv": 5572.8994140625,
  "tsnr": 92.46684265136719
}