{
  "bids_meta": {
    "AcquisitionNumber": 2,
    "BidsifyVersion": "0.3.5",
    "ConversionSoftware": "dcm2niix",
    "ConversionSoftwareVersion": "v1.0.20181125  GCC6.3.0",
    "EchoTime": 0.00373,
    "ImageComments": "PIOP2",
    "ImageOrientationPatientDICOM": [
      0.999873,
      0.00776227,
      0.0139388,
      -0.00802766,
      0.999786,
      0.0190862
    ],
    "Manufacturer": "Philips",
    "NumberSignalAcquisitions": 2,
    "PatientPosition": "HFS",
    "PhilipsRescaleIntercept": 0,
    "PhilipsRescaleSlope": 9.18755,
    "PhilipsScaleSlope": 0.00750817,
    "ProtocolName": "WIPT1anat_acq-6m_T1wSENSE",
    "ReconMatrixPE": 240,
    "RepetitionTime": 0.008167,
    "SeriesDescription": "ImageMRSERIES",
    "SeriesNumber": 2,
    "UsePhilipsFloatNotDisplayScaling": 1,
    "dataset": "ds002790",
    "modality": "T1w",
    "subject_id": "0200"
  },
  "cjv": 0.24822836532921805,
  "cnr": 4.815576751715841,
  "efc": 0.7550050379426674,
  "fber": 1554.5465087890625,
  "fwhm_avg": 4.424440267868864,
  "fwhm_x": 4.136060246528402,
  "fwhm_y": 4.46415,
  "fwhm_z": 4.67311055707819,
  "icvs_csf": 0.24094793794560446,
  "icvs_gm": 0.413490676708018,
  "icvs_wm": 0.34556138534637754,
  "inu_med": 1.8040589094161987,
  "inu_range": 0.36683578491210955,
  "provenance": {
    "md5sum": "922d23697ef941a63d47786c85e62f0a",
    "settings": {
      "testing": false
    },
    "software": "mriqc",
    "version": "22.0.0rc1",
    "warnings": {
      "large_rot_frame": true,
      "small_air_mask": true
    },
    "webapi_port": null,
    "webapi_url": "https://mriqc.nimh.nih.gov/api/v1"
  },
  "qi_1": 2.438276765312378e-05,
  "qi_2": 8.049680621186948e-05,
  "rpve_csf": 25.247557992645817,
  "rpve_gm": 14.958211291304535,
  "rpve_wm": 23.027012557989114,
  "size_x": 240,
  "size_y": 240,
  "size_z": 220,
  "snr_csf": 2.5940904057611998,
  "snr_gm": 8.97906037341157,
  "snr_total": 11.667716848292832,
  "snr_wm": 23.429999765705723,
  "snrd_csf": 22.921622011909523,
  "snrd_gm": 50.66354920818613,
  "snrd_total": 52.15432692336989,
  "snrd_wm": 82.87780955001399,
  "spacing_x": 0.9999999403953552,
  "spacing_y": 1.0,
  "spacing_z": 0.9999998807907104,
  "summary_bg_k": 84.88763850483048,
  "summary_bg_mad": 7.904776237593651,
  "summary_bg_mean": 8.168392181396484,
  "summary_bg_median": 5.510561943054199,
  "summary_bg_n": 139170.0,
  "summary_bg_p05": 0.0,
  "summary_bg_p95": 21.689649677276606,
  "summary_bg_stdv": 7.665055751800537,
  "summary_csf_k": 52.95155416930045,
  "summary_csf_mad": 113.2503834448917,
  "summary_csf_mean": 263.37982177734375,
  "summary_csf_median": 276.5688171386719,
  "summary_csf_n": 9696.0,
  "summary_csf_p05": 99.80745315551758,
  "summary_csf_p95": 404.1182174682617,
  "summary_csf_stdv": 106.60945129394531,
  "summary_gm_k": 0.8026974720513156,
  "summary_gm_mad": 59.31965316781093,
  "summary_gm_mean": 615.6614990234375,
  "summary_gm_median": 611.2987060546875,
  "summary_gm_n": 18051.0,
  "summary_gm_p05": 510.50047302246094,
  "summary_gm_p95": 739.4124145507812,
  "summary_gm_stdv": 68.0785903930664,
  "summary_wm_k": 1.0814297353210085,
  "summary_wm_mad": 37.1648216336546,
  "summary_wm_mean": 996.0711059570312,
  "summary_wm_median": 999.9910888671875,
  "summary_wm_n": 184246.0,
  "summary_wm_p05": 917.1717681884766,
  "summary_wm_p95": 1058.6693725585938,
  "summary_wm_stdv": 42.67982864379883,
  "tpm_overlap_csf": 0.16637524962425232,
  "tpm_overlap_gm": 0.44212836027145386,
  "tpm_overlap_wm": 0.507671594619751,
  "wm2max": 0.7803183088598084
}