{
  "aor": 0.0027492500000000004,
  "aqi": 0.0029574146875000003,
  "bids_meta": {
    "AcquisitionNumber": 3,
    "BidsifyVersion": "0.3.5",
    "ConversionSoftware": "dcm2niix",
    "ConversionSoftwareVersion": "v1.0.20181125  GCC6.3.0",
    "EchoTime": 0.02763,
    "FlipAngle": 76.1,
    "ImageComments": "PIOP2",
    "ImageOrientationPatientDICOM": [
      0.999304,
      0.0366398,
      -0.00696299,
      -0.0359443,
      0.995964,
      0.0822419
    ],
    "Manufacturer": "Philips",
    "NumberOfVolumesDiscardedByScanner": 2,
    "ParallelAcquisitionTechnique": "SENSE",
    "ParallelReductionFactorInPlane": 2,
    "PatientPosition": "HFS",
    "PhaseEncodingDirection": "j",
    "PhilipsRescaleIntercept": 0,
    "PhilipsRescaleSlope": 0.77021,
    "PhilipsScaleSlope": 0.0598524,
    "ProtocolName": "WIPtask-wm_boldSENSE",
    "PulseSequenceType": "gradient echo EPI",
    "ReconMatrixPE": 80,
    "RepetitionTime": 2,
    "SeriesDescription": "ImageMRSERIES",
    "SeriesNumber": 3,
    "SliceEncodingDirection": "k",
    "TaskName": "workingmemory",
    "UsePhilipsFloatNotDisplayScaling": 1,
    "WaterFatShift": 12,
    "acq_id": "seq",
    "dataset": "ds002790",
    "modality": "bold",
    "subject_id": "0219",
    "task_id": "workingmemory"
  },
  "dummy_trs": 0,
  "dvars_nstd": 17.781735126100628,
  "dvars_std": 1.2717969356603773,
  "dvars_vstd": 1.0230001905660373,
  "efc": 0.4041294197425495,
  "fber": 245604.09375,
  "fd_mean": 0.08838432593687429,
  "fd_num": 3,
  "fd_perc": 1.875,
  "fwhm_avg": 2.00956940321276,
  "fwhm_x": 1.8869766666666665,
  "fwhm_y": 2.216413333333333,
  "fwhm_z": 1.9253182096382808,
  "gcor": 0.028768,
  "gsr_x": -0.019119804725050926,
  "gsr_y": 0.016580771654844284,
  "provenance": {
    "md5sum": "3f99999ef3fd029343b830b412433c8d",
    "settings": {
      "fd_thres": 0.2,
      "testing": false
    },
    "software": "mriqc",
    "version": "23.0.1",
    "webapi_port": null,
    "webapi_url": "https://mriqc.nimh.nih.gov/api/v1"
  },
  "size_t": 160,
  "size_x": 80,
  "size_y": 80,
  "size_z": 36,
  "snr": 6.064925646614991,
  "spacing_tr": 2.0,
  "spacing_x": 3.0,
  "spacing_y": 3.0,
  "spacing_z": 3.299999952316284,
  "summary_bg_k": 117.52297275959005,
  "summary_bg_mad": 46.394802906990286,
  "summary_bg_mean": 368.9262390136719,
  "summary_bg_median": 47.02442932128906,
  "summary_bg_n": 158379.0,
  "summary_bg_p05": 4.500243282318116,
  "summary_bg_p95": 1502.2088256835941,
  "summary_bg_stdv": 1205.21923828125,
  "summary_fg_k": 1.847856429759208,
  "summary_fg_mad": 3667.5380110014466,
  "summary_fg_mean": 24123.5,
  "summary_fg_median": 23739.017578125,
  "summary_fg_n": 33142.0,
  "summary_fg_p05": 18615.130859375,
  "summary_fg_p95": 30656.167871093745,
  "summary_fg_stdv": 3914.089111328125,
  "tsnr": 113.87084197998047
}