{
  "aor": 0.004840062500000001,
  "aqi": 0.0041599881875,
  "bids_meta": {
    "AcquisitionNumber": 3,
    "BidsifyVersion": "0.3.5",
    "ConversionSoftware": "dcm2niix",
    "ConversionSoftwareVersion": "v1.0.20181125  GCC6.3.0",
    "EchoTime": 0.02763,
    "EffectiveEchoSpacing": 0.0006909035636805814,
    "FlipAngle": 76.1,
    "ImageComments": "PIOP2",
    "ImageOrientationPatientDICOM": [
      0.99879,
      0.0245104,
      -0.0426446,
      -0.0249332,
      0.999645,
      -0.00941049
    ],
    "Manufacturer": "Philips",
    "NumberOfVolumesDiscardedByScanner": 2,
    "ParallelAcquisitionTechnique": "SENSE",
    "ParallelReductionFactorInPlane": 2,
    "PatientPosition": "HFS",
    "PhaseEncodingDirection": "j",
    "PhilipsRescaleIntercept": 0,
    "PhilipsRescaleSlope": 0.78144,
    "PhilipsScaleSlope": 0.0530409,
    "ProtocolName": "WIPtask-wm_boldSENSE",
    "PulseSequenceType": "gradient echo EPI",
    "ReconMatrixPE": 80,
    "RepetitionTime": 2,
    "SeriesDescription": "ImageMRSERIES",
    "SeriesNumber": 3,
    "SliceEncodingDirection": "k",
    "SliceTiming": [
      0.0,
      0.0556,
      0.1111,
      0.1667,
      0.2222,
      0.2778,
      0.3333,
      0.3889,
      0.4444,
      0.5,
      0.5556,
      0.6111,
      0.6667,
      0.7222,
      0.7778,
      0.8333,
      0.8889,
      0.9444,
      1.0,
      1.0556,
      1.1111,
      1.1667,
      1.2222,
      1.2778,
      1.3333,
      1.3889,
      1.4444,
      1.5,
      1.5556,
      1.6111,
      1.6667,
      1.7222,
      1.7778,
      1.8333,
      1.8889,
      1.9444
    ],
    "TaskName": "workingmemory",
    "TotalReadoutTime": 0.026945238983542674,
    "UsePhilipsFloatNotDisplayScaling": 1,
    "WaterFatShift": 12,
    "acq_id": "seq",
    "dataset": "ds002790",
    "modality": "bold",
    "subject_id": "0196",
    "task_id": "workingmemory"
  },
  "dummy_trs": 0,
  "dvars_nstd": 20.0680061318239,
  "dvars_std": 1.3415657840251571,
  "dvars_vstd": 1.0403451769811325,
  "efc": 0.4434155720758186,
  "fber": 222796.625,
  "fd_mean": 0.11200261637042973,
  "fd_num": 10,
  "fd_perc": 6.25,
  "fwhm_avg": 1.8912917253709811,
  "fwhm_x": 1.85936,
  "fwhm_y": 2.1122,
  "fwhm_z": 1.7023151761129434,
  "gcor": 0.0263819,
  "gsr_x": -0.007627118844538927,
  "gsr_y": 0.010015979409217834,
  "provenance": {
    "md5sum": "bb6bc8757905432e6b9e7046eb280f6d",
    "settings": {
      "fd_thres": 0.2,
      "testing": false
    },
    "software": "mriqc",
    "version": "22.0.0rc1",
    "webapi_port": null,
    "webapi_url": "https://mriqc.nimh.nih.gov/api/v1"
  },
  "size_t": 160,
  "size_x": 80,
  "size_y": 80,
  "size_z": 36,
  "snr": 6.057484910569232,
  "spacing_tr": 2.0,
  "spacing_x": 3.0,
  "spacing_y": 3.0,
  "spacing_z": 3.299999952316284,
  "summary_bg_k": 63.11735289057822,
  "summary_bg_mad": 61.240822864718425,
  "summary_bg_mean": 625.8213500976562,
  "summary_bg_median": 54.54249954223633,
  "summary_bg_n": 151942.0,
  "summary_bg_p05": 4.480658459663391,
  "summary_bg_p95": 3101.2866699218707,
  "summary_bg_stdv": 1857.6343994140625,
  "summary_fg_k": 2.9959481884347268,
  "summary_fg_mad": 3872.071963737414,
  "summary_fg_mean": 26368.5625,
  "summary_fg_median": 26015.18359375,
  "summary_fg_n": 37758.0,
  "summary_fg_p05": 20463.09482421875,
  "summary_fg_p95": 33132.5015625,
  "summary_fg_stdv": 4294.66015625,
  "tsnr": 92.41172790527344
}