{
  "bids_meta": {
    "AcquisitionNumber": 2,
    "BidsifyVersion": "0.3.5",
    "ConversionSoftware": "dcm2niix",
    "ConversionSoftwareVersion": "v1.0.20181125  GCC6.3.0",
    "EchoTime": 0.00379,
    "ImageComments": "PIOP2",
    "ImageOrientationPatientDICOM": [
      0.998447,
      -0.0473937,
      -0.0292723,
      0.0502297,
      0.993174,
      0.105273
    ],
    "Manufacturer": "Philips",
    "PatientPosition": "HFS",
    "PhilipsRescaleIntercept": 0,
    "PhilipsRescaleSlope": 8.92723,
    "PhilipsScaleSlope": 0.0075007,
    "ProtocolName": "WIPT1anat_acq-6m_T1wSENSE",
    "ReconMatrixPE": 240,
    "RepetitionTime": 0.008248,
    "SeriesDescription": "ImageMRSERIES",
    "SeriesNumber": 2,
    "UsePhilipsFloatNotDisplayScaling": 1,
    "dataset": "ds002790",
    "modality": "T1w",
    "subject_id": "0220"
  },
  "cjv": 0.22654442738964842,
  "cnr": 5.6133747600499735,
  "efc": 0.7393988439787439,
  "fber": -1.0,
  "fwhm_avg": 4.974056666666667,
  "fwhm_x": 4.5166,
  "fwhm_y": 5.12218,
  "fwhm_z": 5.28339,
  "icvs_csf": 0.2680391769892409,
  "icvs_gm": 0.4209956512321782,
  "icvs_wm": 0.31096517177858096,
  "inu_med": 0.5679067671298981,
  "inu_range": 0.17836386859416964,
  "provenance": {
    "md5sum": "a5c9c8ed51738833c1582b6bf04ee657",
    "settings": {
      "testing": false
    },
    "software": "mriqc",
    "version": "23.0.1",
    "warnings": {
      "large_rot_frame": true,
      "small_air_mask": true
    },
    "webapi_port": null,
    "webapi_url": "https://mriqc.nimh.nih.gov/api/v1"
  },
  "qi_1": 0.0,
  "qi_2": 0.0001831133954954866,
  "rpve_csf": 21.754574131399803,
  "rpve_gm": 13.697709749622383,
  "rpve_wm": 22.41830982658548,
  "size_x": 240,
  "size_y": 240,
  "size_z": 220,
  "snr_csf": 1.3935984114271587,
  "snr_gm": 8.759830571901588,
  "snr_total": 13.47742654976679,
  "snr_wm": 30.278850665971618,
  "snrd_csf": 31.526665266394392,
  "snrd_gm": 151.9116084977806,
  "snrd_total": 148.03037656692078,
  "snrd_wm": 260.65285593658734,
  "spacing_x": 1.0,
  "spacing_y": 1.0,
  "spacing_z": 1.0,
  "summary_bg_k": 89.50884937240811,
  "summary_bg_mad": 0.0,
  "summary_bg_mean": 0.46219548697618246,
  "summary_bg_median": 0.0,
  "summary_bg_n": 49094.0,
  "summary_bg_p05": 0.0,
  "summary_bg_p95": 4.792896980978517,
  "summary_bg_stdv": 2.5133339121165483,
  "summary_csf_k": 0.39811803240461074,
  "summary_csf_mad": 76.3805239707701,
  "summary_csf_mean": 144.19970107213808,
  "summary_csf_median": 120.94738889485598,
  "summary_csf_n": 52882.0,
  "summary_csf_p05": 38.25976385548711,
  "summary_csf_p95": 312.1803565993905,
  "summary_csf_stdv": 86.78701434974427,
  "summary_gm_k": 0.2768271406231029,
  "summary_gm_mad": 64.53454581765536,
  "summary_gm_mean": 583.0708027435893,
  "summary_gm_median": 582.786420173943,
  "summary_gm_n": 50514.0,
  "summary_gm_p05": 473.45085863396525,
  "summary_gm_p95": 691.8004065329209,
  "summary_gm_stdv": 66.52875838162619,
  "summary_wm_k": 1.0776644459567617,
  "summary_wm_mad": 29.97292823906232,
  "summary_wm_mean": 998.3398639661172,
  "summary_wm_median": 999.9561345018446,
  "summary_wm_n": 182653.0,
  "summary_wm_p05": 941.1726304255426,
  "summary_wm_p95": 1048.8838531672955,
  "summary_wm_stdv": 33.02481353134294,
  "tpm_overlap_csf": 0.16295812570061868,
  "tpm_overlap_gm": 0.4815704909738535,
  "tpm_overlap_wm": 0.5032919495798032,
  "wm2max": 0.7567275621805799
}