{
  "aor": 0.00395837037037037,
  "aqi": 0.008757003333333334,
  "bids_meta": {
    "AcquisitionNumber": 8,
    "BidsifyVersion": "0.3.5",
    "ConversionSoftware": "dcm2niix",
    "ConversionSoftwareVersion": "v1.0.20181125  GCC6.3.0",
    "EchoTime": 0.02763,
    "EffectiveEchoSpacing": 0.0006909035636805814,
    "FlipAngle": 76.1,
    "ImageComments": "PIOP2",
    "ImageOrientationPatientDICOM": [
      0.999652,
      -0.0234576,
      0.0120952,
      0.0214634,
      0.98925,
      0.144649
    ],
    "Manufacturer": "Philips",
    "NumberOfVolumesDiscardedByScanner": 2,
    "ParallelAcquisitionTechnique": "SENSE",
    "ParallelReductionFactorInPlane": 2,
    "PatientPosition": "HFS",
    "PhaseEncodingDirection": "j",
    "PhilipsRescaleIntercept": 0,
    "PhilipsRescaleSlope": 0.77094,
    "PhilipsScaleSlope": 0.048653,
    "ProtocolName": "WIPtask-harriri_boldSENSE",
    "PulseSequenceType": "gradient echo EPI",
    "ReconMatrixPE": 80,
    "RepetitionTime": 2,
    "SeriesDescription": "ImageMRSERIES",
    "SeriesNumber": 8,
    "SliceEncodingDirection": "k",
    "SliceTiming": [
      0.0,
      0.0556,
      0.1111,
      0.1667,
      0.2222,
      0.2778,
      0.3333,
      0.3889,
      0.4444,
      0.5,
      0.5556,
      0.6111,
      0.6667,
      0.7222,
      0.7778,
      0.8333,
      0.8889,
      0.9444,
      1.0,
      1.0556,
      1.1111,
      1.1667,
      1.2222,
      1.2778,
      1.3333,
      1.3889,
      1.4444,
      1.5,
      1.5556,
      1.6111,
      1.6667,
      1.7222,
      1.7778,
      1.8333,
      1.8889,
      1.9444
    ],
    "TaskName": "emomatching",
    "TotalReadoutTime": 0.026945238983542674,
    "UsePhilipsFloatNotDisplayScaling": 1,
    "WaterFatShift": 12,
    "acq_id": "seq",
    "dataset": "ds002790",
    "modality": "bold",
    "subject_id": "0085",
    "task_id": "emomatching"
  },
  "dummy_trs": 0,
  "dvars_nstd": 19.733963347313427,
  "dvars_std": 1.1708092938059695,
  "dvars_vstd": 0.9537081542537312,
  "efc": 0.3929098420339145,
  "fber": 328993.28125,
  "fd_mean": 0.19621513440198995,
  "fd_num": 41,
  "fd_perc": 30.37037037037037,
  "fwhm_avg": 2.072838090142325,
  "fwhm_x": 2.0253099999999997,
  "fwhm_y": 2.255246666666667,
  "fwhm_z": 1.937957603760309,
  "gcor": 0.0170819,
  "gsr_x": -0.014897998422384262,
  "gsr_y": 0.00535575021058321,
  "provenance": {
    "md5sum": "3ed9eb1645c055bf1e3319e6f24749fe",
    "settings": {
      "fd_thres": 0.2,
      "testing": false
    },
    "software": "mriqc",
    "version": "22.0.0rc1",
    "webapi_port": null,
    "webapi_url": "https://mriqc.nimh.nih.gov/api/v1"
  },
  "size_t": 135,
  "size_x": 80,
  "size_y": 80,
  "size_z": 36,
  "snr": 6.230818269564993,
  "spacing_tr": 2.0,
  "spacing_x": 3.0,
  "spacing_y": 3.0,
  "spacing_z": 3.299999952316284,
  "summary_bg_k": 93.59705523571928,
  "summary_bg_mad": 59.25142871650999,
  "summary_bg_mean": 551.8837280273438,
  "summary_bg_median": 51.658233642578125,
  "summary_bg_n": 161798.0,
  "summary_bg_p05": 3.294860231876373,
  "summary_bg_p95": 2573.227282714842,
  "summary_bg_stdv": 1883.8714599609375,
  "summary_fg_k": 1.0448772134201008,
  "summary_fg_mad": 4596.42594509216,
  "summary_fg_mean": 30436.26953125,
  "summary_fg_median": 30055.009765625,
  "summary_fg_n": 29895.0,
  "summary_fg_p05": 23324.2345703125,
  "summary_fg_p95": 38637.346484375,
  "summary_fg_stdv": 4823.52490234375,
  "tsnr": 67.669921875
}