{
  "aor": 0.0021335,
  "aqi": 0.005647013625,
  "bids_meta": {
    "AcquisitionNumber": 3,
    "BidsifyVersion": "0.3.5",
    "ConversionSoftware": "dcm2niix",
    "ConversionSoftwareVersion": "v1.0.20181125  GCC6.3.0",
    "EchoTime": 0.02763,
    "EffectiveEchoSpacing": 0.0006909035636805814,
    "FlipAngle": 76.1,
    "ImageComments": "PIOP2",
    "ImageOrientationPatientDICOM": [
      0.999652,
      -0.0234576,
      0.0120952,
      0.0214634,
      0.98925,
      0.144649
    ],
    "Manufacturer": "Philips",
    "NumberOfVolumesDiscardedByScanner": 2,
    "ParallelAcquisitionTechnique": "SENSE",
    "ParallelReductionFactorInPlane": 2,
    "PatientPosition": "HFS",
    "PhaseEncodingDirection": "j",
    "PhilipsRescaleIntercept": 0,
    "PhilipsRescaleSlope": 0.79976,
    "PhilipsScaleSlope": 0.0466705,
    "ProtocolName": "WIPtask-wm_boldSENSE",
    "PulseSequenceType": "gradient echo EPI",
    "ReconMatrixPE": 80,
    "RepetitionTime": 2,
    "SeriesDescription": "ImageMRSERIES",
    "SeriesNumber": 3,
    "SliceEncodingDirection": "k",
    "SliceTiming": [
      0.0,
      0.0556,
      0.1111,
      0.1667,
      0.2222,
      0.2778,
      0.3333,
      0.3889,
      0.4444,
      0.5,
      0.5556,
      0.6111,
      0.6667,
      0.7222,
      0.7778,
      0.8333,
      0.8889,
      0.9444,
      1.0,
      1.0556,
      1.1111,
      1.1667,
      1.2222,
      1.2778,
      1.3333,
      1.3889,
      1.4444,
      1.5,
      1.5556,
      1.6111,
      1.6667,
      1.7222,
      1.7778,
      1.8333,
      1.8889,
      1.9444
    ],
    "TaskName": "workingmemory",
    "TotalReadoutTime": 0.026945238983542674,
    "UsePhilipsFloatNotDisplayScaling": 1,
    "WaterFatShift": 12,
    "acq_id": "seq",
    "dataset": "ds002790",
    "modality": "bold",
    "subject_id": "0085",
    "task_id": "workingmemory"
  },
  "dummy_trs": 0,
  "dvars_nstd": 18.954468145660375,
  "dvars_std": 1.2803158246540882,
  "dvars_vstd": 0.9709688114465409,
  "efc": 0.39078381918008304,
  "fber": 341037.21875,
  "fd_mean": 0.1394858074726148,
  "fd_num": 20,
  "fd_perc": 12.5,
  "fwhm_avg": 2.065167181067603,
  "fwhm_x": 2.0195633333333336,
  "fwhm_y": 2.23462,
  "fwhm_z": 1.9413182098694743,
  "gcor": 0.0144902,
  "gsr_x": -0.014342362061142921,
  "gsr_y": 0.004578107036650181,
  "provenance": {
    "md5sum": "88493bcd9322326890eda08e0f6f8f34",
    "settings": {
      "fd_thres": 0.2,
      "testing": false
    },
    "software": "mriqc",
    "version": "22.0.0rc1",
    "webapi_port": null,
    "webapi_url": "https://mriqc.nimh.nih.gov/api/v1"
  },
  "size_t": 160,
  "size_x": 80,
  "size_y": 80,
  "size_z": 36,
  "snr": 6.191588545245009,
  "spacing_tr": 2.0,
  "spacing_x": 3.0,
  "spacing_y": 3.0,
  "spacing_z": 3.299999952316284,
  "summary_bg_k": 95.95480600724636,
  "summary_bg_mad": 60.34568164107974,
  "summary_bg_mean": 533.4332885742188,
  "summary_bg_median": 50.5064811706543,
  "summary_bg_n": 162004.0,
  "summary_bg_p05": 2.7626246452331547,
  "summary_bg_p95": 2422.014013671876,
  "summary_bg_stdv": 1852.3985595703125,
  "summary_fg_k": 1.104020304535947,
  "summary_fg_mad": 4697.517988159053,
  "summary_fg_mean": 30785.09765625,
  "summary_fg_median": 30386.568359375,
  "summary_fg_n": 29783.0,
  "summary_fg_p05": 23603.1515625,
  "summary_fg_p95": 39103.969921875,
  "summary_fg_stdv": 4907.63525390625,
  "tsnr": 82.40425872802734
}