{
  "bids_meta": {
    "AcquisitionNumber": 2,
    "BidsifyVersion": "0.3.5",
    "ConversionSoftware": "dcm2niix",
    "ConversionSoftwareVersion": "v1.0.20181125  GCC6.3.0",
    "EchoTime": 0.00377,
    "ImageComments": "PIOP2",
    "ImageOrientationPatientDICOM": [
      0.998174,
      0.0306643,
      -0.0520326,
      -0.0350314,
      0.995747,
      -0.0852093
    ],
    "Manufacturer": "Philips",
    "NumberSignalAcquisitions": 2,
    "PatientPosition": "HFS",
    "PhilipsRescaleIntercept": 0,
    "PhilipsRescaleSlope": 9.71062,
    "PhilipsScaleSlope": 0.00679954,
    "ProtocolName": "WIPT1anat_acq-6m_T1wSENSE",
    "ReconMatrixPE": 240,
    "RepetitionTime": 0.008228,
    "SeriesDescription": "ImageMRSERIES",
    "SeriesNumber": 2,
    "UsePhilipsFloatNotDisplayScaling": 1,
    "dataset": "ds002790",
    "modality": "T1w",
    "subject_id": "0182"
  },
  "cjv": 0.2850815971470011,
  "cnr": 4.194927226254439,
  "efc": 0.7608586629206379,
  "fber": 1589.233642578125,
  "fwhm_avg": 4.2876700889168236,
  "fwhm_x": 4.04577,
  "fwhm_y": 4.34191,
  "fwhm_z": 4.47533026675047,
  "icvs_csf": 0.24292212556362985,
  "icvs_gm": 0.4039323825430027,
  "icvs_wm": 0.35314549189336747,
  "inu_med": 1.712819218635559,
  "inu_range": 0.3477726876735687,
  "provenance": {
    "md5sum": "5314a7308b91e5412d80cff1f0547cb3",
    "settings": {
      "testing": false
    },
    "software": "mriqc",
    "version": "22.0.0rc1",
    "warnings": {
      "large_rot_frame": true,
      "small_air_mask": true
    },
    "webapi_port": null,
    "webapi_url": "https://mriqc.nimh.nih.gov/api/v1"
  },
  "qi_1": 0.0,
  "qi_2": 8.371611071123187e-05,
  "rpve_csf": 23.5165841876362,
  "rpve_gm": 14.17043088968311,
  "rpve_wm": 20.865744980714485,
  "size_x": 240,
  "size_y": 240,
  "size_z": 220,
  "snr_csf": 2.3215316347693844,
  "snr_gm": 8.15494694995211,
  "snr_total": 11.878095356861373,
  "snr_wm": 25.15780748586262,
  "snrd_csf": 19.04764264252765,
  "snrd_gm": 51.482994534444686,
  "snrd_total": 50.62178072225257,
  "snrd_wm": 81.3347049897854,
  "spacing_x": 1.0,
  "spacing_y": 1.0,
  "spacing_z": 0.9999999403953552,
  "summary_bg_k": 22.017087945765848,
  "summary_bg_mad": 8.054808312862676,
  "summary_bg_mean": 8.492606163024902,
  "summary_bg_median": 5.579461097717285,
  "summary_bg_n": 172348.0,
  "summary_bg_p05": 0.0,
  "summary_bg_p95": 22.222240352630614,
  "summary_bg_stdv": 7.104417324066162,
  "summary_csf_k": -0.28538340761571757,
  "summary_csf_mad": 115.37360438169766,
  "summary_csf_mean": 239.92739868164062,
  "summary_csf_median": 234.18804931640625,
  "summary_csf_n": 17956.0,
  "summary_csf_p05": 91.76656341552734,
  "summary_csf_p95": 406.18843841552734,
  "summary_csf_stdv": 100.87371826171875,
  "summary_gm_k": 0.8644325862184554,
  "summary_gm_mad": 70.39274799641657,
  "summary_gm_mean": 639.1019287109375,
  "summary_gm_median": 632.97607421875,
  "summary_gm_n": 23194.0,
  "summary_gm_p05": 525.0105926513672,
  "summary_gm_p95": 779.6972747802735,
  "summary_gm_stdv": 77.61698913574219,
  "summary_wm_k": 1.3851661529434045,
  "summary_wm_mad": 34.23861875646858,
  "summary_wm_mean": 998.5281372070312,
  "summary_wm_median": 999.9985961914062,
  "summary_wm_n": 205920.0,
  "summary_wm_p05": 930.700717163086,
  "summary_wm_p95": 1060.3466186523438,
  "summary_wm_stdv": 39.748939514160156,
  "tpm_overlap_csf": 0.17217324674129486,
  "tpm_overlap_gm": 0.43419837951660156,
  "tpm_overlap_wm": 0.497617244720459,
  "wm2max": 0.8017895096282807
}