{
  "bids_meta": {
    "AcquisitionNumber": 2,
    "BidsifyVersion": "0.3.5",
    "ConversionSoftware": "dcm2niix",
    "ConversionSoftwareVersion": "v1.0.20181125  GCC6.3.0",
    "EchoTime": 0.00374,
    "ImageComments": "PIOP2",
    "ImageOrientationPatientDICOM": [
      0.999997,
      -0.000207438,
      -0.00243464,
      0,
      0.99639,
      -0.0848952
    ],
    "Manufacturer": "Philips",
    "NumberSignalAcquisitions": 2,
    "PatientPosition": "HFS",
    "PhilipsRescaleIntercept": 0,
    "PhilipsRescaleSlope": 7.77216,
    "PhilipsScaleSlope": 0.00753854,
    "ProtocolName": "WIPT1anat_acq-6m_T1wSENSE",
    "ReconMatrixPE": 240,
    "RepetitionTime": 0.00817,
    "SeriesDescription": "ImageMRSERIES",
    "SeriesNumber": 2,
    "UsePhilipsFloatNotDisplayScaling": 1,
    "dataset": "ds002790",
    "modality": "T1w",
    "subject_id": "0149"
  },
  "cjv": 0.2653795750232008,
  "cnr": 4.535744531845397,
  "efc": 0.7411989853406572,
  "fber": 1869.0010986328125,
  "fwhm_avg": 4.699156666666667,
  "fwhm_x": 4.42215,
  "fwhm_y": 4.72808,
  "fwhm_z": 4.94724,
  "icvs_csf": 0.2823271228461105,
  "icvs_gm": 0.3684645587537197,
  "icvs_wm": 0.3492083184001698,
  "inu_med": 1.1029226779937744,
  "inu_range": 0.1723786652088164,
  "provenance": {
    "md5sum": "81aca173e4404e8c4f0f774463bc3d83",
    "settings": {
      "testing": false
    },
    "software": "mriqc",
    "version": "22.0.0rc1",
    "warnings": {
      "large_rot_frame": true,
      "small_air_mask": true
    },
    "webapi_port": null,
    "webapi_url": "https://mriqc.nimh.nih.gov/api/v1"
  },
  "qi_1": 0.0,
  "qi_2": 4.249211973286753e-05,
  "rpve_csf": 24.007722214364083,
  "rpve_gm": 16.651259877143655,
  "rpve_wm": 23.539657322500673,
  "size_x": 240,
  "size_y": 240,
  "size_z": 220,
  "snr_csf": 3.1620888086533876,
  "snr_gm": 10.196861643739881,
  "snr_total": 13.596711319746,
  "snr_wm": 27.431183506844732,
  "snrd_csf": 24.883339920623186,
  "snrd_gm": 57.33858993012811,
  "snrd_total": 56.41799325215589,
  "snrd_wm": 87.03204990571636,
  "spacing_x": 1.0,
  "spacing_y": 1.0,
  "spacing_z": 1.0,
  "summary_bg_k": 170.34453552069104,
  "summary_bg_mad": 7.527467181821413,
  "summary_bg_mean": 8.822352409362793,
  "summary_bg_median": 5.204896450042725,
  "summary_bg_n": 233134.0,
  "summary_bg_p05": 0.0,
  "summary_bg_p95": 20.937140846252436,
  "summary_bg_stdv": 12.442811965942383,
  "summary_csf_k": -0.361435188332238,
  "summary_csf_mad": 94.39187370875666,
  "summary_csf_mean": 276.4239196777344,
  "summary_csf_median": 285.9076843261719,
  "summary_csf_n": 22648.0,
  "summary_csf_p05": 120.71763610839844,
  "summary_csf_p95": 412.2159317016601,
  "summary_csf_stdv": 90.41535186767578,
  "summary_gm_k": 0.8157568532005341,
  "summary_gm_mad": 58.947238041452295,
  "summary_gm_mean": 661.3693237304688,
  "summary_gm_median": 658.8160400390625,
  "summary_gm_n": 19168.0,
  "summary_gm_p05": 561.7910064697265,
  "summary_gm_p95": 775.3261840820312,
  "summary_gm_stdv": 64.60800170898438,
  "summary_wm_k": 1.316821861113742,
  "summary_wm_mad": 31.59379720242974,
  "summary_wm_mean": 998.759521484375,
  "summary_wm_median": 999.9916381835938,
  "summary_wm_n": 196255.0,
  "summary_wm_p05": 936.7532531738282,
  "summary_wm_p95": 1055.5472045898437,
  "summary_wm_stdv": 36.454463958740234,
  "tpm_overlap_csf": 0.1679341197013855,
  "tpm_overlap_gm": 0.43461886048316956,
  "tpm_overlap_wm": 0.5219934582710266,
  "wm2max": 0.7744701263171955
}