{
  "aor": 0.006061641791044778,
  "aqi": 0.0334688156716418,
  "bids_meta": {
    "AcquisitionNumber": 8,
    "BidsifyVersion": "0.3.5",
    "ConversionSoftware": "dcm2niix",
    "ConversionSoftwareVersion": "v1.0.20181125  GCC6.3.0",
    "EchoTime": 0.02763,
    "EffectiveEchoSpacing": 0.0006909035636805814,
    "FlipAngle": 76.1,
    "ImageComments": "PIOP2",
    "ImageOrientationPatientDICOM": [
      0.987746,
      0.145326,
      -0.0568962,
      -0.142336,
      0.988371,
      0.053502
    ],
    "Manufacturer": "Philips",
    "NumberOfVolumesDiscardedByScanner": 2,
    "ParallelAcquisitionTechnique": "SENSE",
    "ParallelReductionFactorInPlane": 2,
    "PatientPosition": "HFS",
    "PhaseEncodingDirection": "j",
    "PhilipsRescaleIntercept": 0,
    "PhilipsRescaleSlope": 0.76557,
    "PhilipsScaleSlope": 0.0574956,
    "ProtocolName": "WIPtask-harriri_boldSENSE",
    "PulseSequenceType": "gradient echo EPI",
    "ReconMatrixPE": 80,
    "RepetitionTime": 2,
    "SeriesDescription": "ImageMRSERIES",
    "SeriesNumber": 8,
    "SliceEncodingDirection": "k",
    "SliceTiming": [
      0.0,
      0.0556,
      0.1111,
      0.1667,
      0.2222,
      0.2778,
      0.3333,
      0.3889,
      0.4444,
      0.5,
      0.5556,
      0.6111,
      0.6667,
      0.7222,
      0.7778,
      0.8333,
      0.8889,
      0.9444,
      1.0,
      1.0556,
      1.1111,
      1.1667,
      1.2222,
      1.2778,
      1.3333,
      1.3889,
      1.4444,
      1.5,
      1.5556,
      1.6111,
      1.6667,
      1.7222,
      1.7778,
      1.8333,
      1.8889,
      1.9444
    ],
    "TaskName": "emomatching",
    "TotalReadoutTime": 0.026945238983542674,
    "UsePhilipsFloatNotDisplayScaling": 1,
    "WaterFatShift": 12,
    "acq_id": "seq",
    "dataset": "ds002790",
    "modality": "bold",
    "subject_id": "0052",
    "task_id": "emomatching"
  },
  "dummy_trs": 1,
  "dvars_nstd": 28.51524505774437,
  "dvars_std": 0.9679842272180452,
  "dvars_vstd": 0.9010872432330828,
  "efc": 0.42673561039721175,
  "fber": 196417.40625,
  "fd_mean": 0.6762419886039028,
  "fd_num": 67,
  "fd_perc": 50.0,
  "fwhm_avg": 1.9670495035093571,
  "fwhm_x": 1.9469533333333333,
  "fwhm_y": 2.1770133333333335,
  "fwhm_z": 1.7771818438614042,
  "gcor": 0.015723,
  "gsr_x": -0.012307850643992424,
  "gsr_y": 0.012665348127484322,
  "provenance": {
    "md5sum": "462974245d1305aa4ebf28d12096cb66",
    "settings": {
      "fd_thres": 0.2,
      "testing": false
    },
    "software": "mriqc",
    "version": "22.0.0rc1",
    "webapi_port": null,
    "webapi_url": "https://mriqc.nimh.nih.gov/api/v1"
  },
  "size_t": 134,
  "size_x": 80,
  "size_y": 80,
  "size_z": 36,
  "snr": 6.823801529271637,
  "spacing_tr": 2.0,
  "spacing_x": 3.0,
  "spacing_y": 3.0,
  "spacing_z": 3.299999952316284,
  "summary_bg_k": 61.941737423282106,
  "summary_bg_mad": 62.32196239142714,
  "summary_bg_mean": 482.2093200683594,
  "summary_bg_median": 56.66902542114258,
  "summary_bg_n": 154820.0,
  "summary_bg_p05": 7.9156759023666385,
  "summary_bg_p95": 2336.9734741210937,
  "summary_bg_stdv": 1316.9534912109375,
  "summary_fg_k": 2.6901458265061446,
  "summary_fg_mad": 3435.415205459205,
  "summary_fg_mean": 25119.240234375,
  "summary_fg_median": 24733.365234375,
  "summary_fg_n": 35335.0,
  "summary_fg_p05": 20164.9333984375,
  "summary_fg_p95": 30959.980078124994,
  "summary_fg_stdv": 3624.521484375,
  "tsnr": 39.6808967590332
}