{
  "aor": 0.0030126666666666665,
  "aqi": 0.004538770750000001,
  "bids_meta": {
    "AcquisitionNumber": 4,
    "BidsifyVersion": "0.3.5",
    "ConversionSoftware": "dcm2niix",
    "ConversionSoftwareVersion": "v1.0.20181125  GCC6.3.0",
    "EchoTime": 0.02763,
    "EffectiveEchoSpacing": 0.0006909035636805814,
    "FlipAngle": 76.1,
    "ImageComments": "PIOP2",
    "ImageOrientationPatientDICOM": [
      0.999704,
      -0.0206589,
      0.0128184,
      0.0223373,
      0.98862,
      -0.148768
    ],
    "Manufacturer": "Philips",
    "NumberOfVolumesDiscardedByScanner": 2,
    "ParallelAcquisitionTechnique": "SENSE",
    "ParallelReductionFactorInPlane": 2,
    "PatientPosition": "HFS",
    "PhaseEncodingDirection": "j",
    "PhilipsRescaleIntercept": 0,
    "PhilipsRescaleSlope": 0.75775,
    "PhilipsScaleSlope": 0.0455226,
    "ProtocolName": "WIPtask-rest_boldSENSE",
    "PulseSequenceType": "gradient echo EPI",
    "ReconMatrixPE": 80,
    "RepetitionTime": 2,
    "SeriesDescription": "ImageMRSERIES",
    "SeriesNumber": 4,
    "SliceEncodingDirection": "k",
    "SliceTiming": [
      0.0,
      0.0556,
      0.1111,
      0.1667,
      0.2222,
      0.2778,
      0.3333,
      0.3889,
      0.4444,
      0.5,
      0.5556,
      0.6111,
      0.6667,
      0.7222,
      0.7778,
      0.8333,
      0.8889,
      0.9444,
      1.0,
      1.0556,
      1.1111,
      1.1667,
      1.2222,
      1.2778,
      1.3333,
      1.3889,
      1.4444,
      1.5,
      1.5556,
      1.6111,
      1.6667,
      1.7222,
      1.7778,
      1.8333,
      1.8889,
      1.9444
    ],
    "TaskName": "restingstate",
    "TotalReadoutTime": 0.026945238983542674,
    "UsePhilipsFloatNotDisplayScaling": 1,
    "WaterFatShift": 12,
    "acq_id": "seq",
    "dataset": "ds002790",
    "modality": "bold",
    "subject_id": "0197",
    "task_id": "restingstate"
  },
  "dummy_trs": 0,
  "dvars_nstd": 19.542871758326363,
  "dvars_std": 1.3241344951464429,
  "dvars_vstd": 1.0102490721757322,
  "efc": 0.4067283315052003,
  "fber": 266890.75,
  "fd_mean": 0.09384911641706752,
  "fd_num": 15,
  "fd_perc": 6.25,
  "fwhm_avg": 2.0245986960451825,
  "fwhm_x": 1.9957099999999999,
  "fwhm_y": 2.17288,
  "fwhm_z": 1.9052060881355473,
  "gcor": 0.0256478,
  "gsr_x": -0.01595304347574711,
  "gsr_y": 0.012841988354921341,
  "provenance": {
    "md5sum": "e34b8d191ded417b50f58fd7a66c94e1",
    "settings": {
      "fd_thres": 0.2,
      "testing": false
    },
    "software": "mriqc",
    "version": "22.0.0rc1",
    "webapi_port": null,
    "webapi_url": "https://mriqc.nimh.nih.gov/api/v1"
  },
  "size_t": 240,
  "size_x": 80,
  "size_y": 80,
  "size_z": 36,
  "snr": 5.793556313633138,
  "spacing_tr": 2.0,
  "spacing_x": 3.0,
  "spacing_y": 3.0,
  "spacing_z": 3.299999952316284,
  "summary_bg_k": 58.46558369880072,
  "summary_bg_mad": 58.24245564910658,
  "summary_bg_mean": 501.3690185546875,
  "summary_bg_median": 55.75880813598633,
  "summary_bg_n": 157283.0,
  "summary_bg_p05": 4.747123908996582,
  "summary_bg_p95": 2419.047167968749,
  "summary_bg_stdv": 1572.0340576171875,
  "summary_fg_k": 1.121175421349684,
  "summary_fg_mad": 4722.642593918553,
  "summary_fg_mean": 30015.376953125,
  "summary_fg_median": 29463.205078125,
  "summary_fg_n": 32282.0,
  "summary_fg_p05": 22852.56865234375,
  "summary_fg_p95": 39128.499609374994,
  "summary_fg_stdv": 5085.43408203125,
  "tsnr": 86.45936584472656
}