{
  "aor": 0.003278968609865471,
  "aqi": 0.004420976233183856,
  "bids_meta": {
    "AcquisitionNumber": 7,
    "BidsifyVersion": "0.3.5",
    "ConversionSoftware": "dcm2niix",
    "ConversionSoftwareVersion": "v1.0.20181125  GCC6.3.0",
    "EchoTime": 0.02763,
    "EffectiveEchoSpacing": 0.0006909035636805814,
    "FlipAngle": 76.1,
    "ImageComments": "PIOP2",
    "ImageOrientationPatientDICOM": [
      0.999704,
      -0.0206589,
      0.0128184,
      0.0223373,
      0.98862,
      -0.148768
    ],
    "Manufacturer": "Philips",
    "NumberOfVolumesDiscardedByScanner": 2,
    "ParallelAcquisitionTechnique": "SENSE",
    "ParallelReductionFactorInPlane": 2,
    "PatientPosition": "HFS",
    "PhaseEncodingDirection": "j",
    "PhilipsRescaleIntercept": 0,
    "PhilipsRescaleSlope": 0.81905,
    "PhilipsScaleSlope": 0.0453253,
    "ProtocolName": "WIPtask-stop_boldSENSE",
    "PulseSequenceType": "gradient echo EPI",
    "ReconMatrixPE": 80,
    "RepetitionTime": 2,
    "SeriesDescription": "ImageMRSERIES",
    "SeriesNumber": 7,
    "SliceEncodingDirection": "k",
    "SliceTiming": [
      0.0,
      0.0556,
      0.1111,
      0.1667,
      0.2222,
      0.2778,
      0.3333,
      0.3889,
      0.4444,
      0.5,
      0.5556,
      0.6111,
      0.6667,
      0.7222,
      0.7778,
      0.8333,
      0.8889,
      0.9444,
      1.0,
      1.0556,
      1.1111,
      1.1667,
      1.2222,
      1.2778,
      1.3333,
      1.3889,
      1.4444,
      1.5,
      1.5556,
      1.6111,
      1.6667,
      1.7222,
      1.7778,
      1.8333,
      1.8889,
      1.9444
    ],
    "TaskName": "stopsignal",
    "TotalReadoutTime": 0.026945238983542674,
    "UsePhilipsFloatNotDisplayScaling": 1,
    "WaterFatShift": 12,
    "acq_id": "seq",
    "dataset": "ds002790",
    "modality": "bold",
    "subject_id": "0197",
    "task_id": "stopsignal"
  },
  "dummy_trs": 0,
  "dvars_nstd": 19.303887912747744,
  "dvars_std": 1.3337881043243245,
  "dvars_vstd": 1.0228762741441448,
  "efc": 0.4073022654047282,
  "fber": 252734.65625,
  "fd_mean": 0.08499670202067237,
  "fd_num": 5,
  "fd_perc": 2.242152466367713,
  "fwhm_avg": 2.0018065746989864,
  "fwhm_x": 1.96807,
  "fwhm_y": 2.15998,
  "fwhm_z": 1.877369724096959,
  "gcor": 0.0130619,
  "gsr_x": -0.015833813697099686,
  "gsr_y": 0.013009514659643173,
  "provenance": {
    "md5sum": "ac7163061c887f28f5ed27b677c4f95b",
    "settings": {
      "fd_thres": 0.2,
      "testing": false
    },
    "software": "mriqc",
    "version": "22.0.0rc1",
    "webapi_port": null,
    "webapi_url": "https://mriqc.nimh.nih.gov/api/v1"
  },
  "size_t": 223,
  "size_x": 80,
  "size_y": 80,
  "size_z": 36,
  "snr": 5.87028421020126,
  "spacing_tr": 2.0,
  "spacing_x": 3.0,
  "spacing_y": 3.0,
  "spacing_z": 3.299999952316284,
  "summary_bg_k": 59.90053868468026,
  "summary_bg_mad": 58.99254568294876,
  "summary_bg_mean": 500.9840087890625,
  "summary_bg_median": 55.84147644042969,
  "summary_bg_n": 157297.0,
  "summary_bg_p05": 4.166427993774414,
  "summary_bg_p95": 2446.4303222656213,
  "summary_bg_stdv": 1574.6551513671875,
  "summary_fg_k": 1.1626394493443826,
  "summary_fg_mad": 4570.4398663639,
  "summary_fg_mean": 29420.029296875,
  "summary_fg_median": 28890.798828125,
  "summary_fg_n": 32293.0,
  "summary_fg_p05": 22454.041796875,
  "summary_fg_p95": 38231.33984375,
  "summary_fg_stdv": 4921.45703125,
  "tsnr": 89.65032958984375
}