{
  "aor": 0.002522740740740741,
  "aqi": 0.003565740518518518,
  "bids_meta": {
    "AcquisitionNumber": 8,
    "BidsifyVersion": "0.3.5",
    "ConversionSoftware": "dcm2niix",
    "ConversionSoftwareVersion": "v1.0.20181125  GCC6.3.0",
    "EchoTime": 0.02763,
    "EffectiveEchoSpacing": 0.0006909035636805814,
    "FlipAngle": 76.1,
    "ImageComments": "PIOP2",
    "ImageOrientationPatientDICOM": [
      0.999704,
      -0.0206589,
      0.0128184,
      0.0223373,
      0.98862,
      -0.148768
    ],
    "Manufacturer": "Philips",
    "NumberOfVolumesDiscardedByScanner": 2,
    "ParallelAcquisitionTechnique": "SENSE",
    "ParallelReductionFactorInPlane": 2,
    "PatientPosition": "HFS",
    "PhaseEncodingDirection": "j",
    "PhilipsRescaleIntercept": 0,
    "PhilipsRescaleSlope": 0.80757,
    "PhilipsScaleSlope": 0.0460291,
    "ProtocolName": "WIPtask-harriri_boldSENSE",
    "PulseSequenceType": "gradient echo EPI",
    "ReconMatrixPE": 80,
    "RepetitionTime": 2,
    "SeriesDescription": "ImageMRSERIES",
    "SeriesNumber": 8,
    "SliceEncodingDirection": "k",
    "SliceTiming": [
      0.0,
      0.0556,
      0.1111,
      0.1667,
      0.2222,
      0.2778,
      0.3333,
      0.3889,
      0.4444,
      0.5,
      0.5556,
      0.6111,
      0.6667,
      0.7222,
      0.7778,
      0.8333,
      0.8889,
      0.9444,
      1.0,
      1.0556,
      1.1111,
      1.1667,
      1.2222,
      1.2778,
      1.3333,
      1.3889,
      1.4444,
      1.5,
      1.5556,
      1.6111,
      1.6667,
      1.7222,
      1.7778,
      1.8333,
      1.8889,
      1.9444
    ],
    "TaskName": "emomatching",
    "TotalReadoutTime": 0.026945238983542674,
    "UsePhilipsFloatNotDisplayScaling": 1,
    "WaterFatShift": 12,
    "acq_id": "seq",
    "dataset": "ds002790",
    "modality": "bold",
    "subject_id": "0197",
    "task_id": "emomatching"
  },
  "dummy_trs": 0,
  "dvars_nstd": 19.652720650820907,
  "dvars_std": 1.324826395074627,
  "dvars_vstd": 1.0159964494776115,
  "efc": 0.4067869483098388,
  "fber": 257313.453125,
  "fd_mean": 0.08832441285635431,
  "fd_num": 3,
  "fd_perc": 2.2222222222222223,
  "fwhm_avg": 2.0015090999973855,
  "fwhm_x": 1.9641366666666666,
  "fwhm_y": 2.153496666666667,
  "fwhm_z": 1.886893966658823,
  "gcor": 0.0197989,
  "gsr_x": -0.01541457511484623,
  "gsr_y": 0.012738923542201519,
  "provenance": {
    "md5sum": "7d74a194300f40a08e3e7d54250b2d67",
    "settings": {
      "fd_thres": 0.2,
      "testing": false
    },
    "software": "mriqc",
    "version": "22.0.0rc1",
    "webapi_port": null,
    "webapi_url": "https://mriqc.nimh.nih.gov/api/v1"
  },
  "size_t": 135,
  "size_x": 80,
  "size_y": 80,
  "size_z": 36,
  "snr": 5.910004531906331,
  "spacing_tr": 2.0,
  "spacing_x": 3.0,
  "spacing_y": 3.0,
  "spacing_z": 3.299999952316284,
  "summary_bg_k": 64.34376909248545,
  "summary_bg_mad": 57.39383662394993,
  "summary_bg_mean": 497.6055603027344,
  "summary_bg_median": 55.402992248535156,
  "summary_bg_n": 157362.0,
  "summary_bg_p05": 4.077609992027283,
  "summary_bg_p95": 2419.539099121093,
  "summary_bg_stdv": 1575.1611328125,
  "summary_fg_k": 1.140327117884687,
  "summary_fg_mad": 4544.739014820254,
  "summary_fg_mean": 29480.4296875,
  "summary_fg_median": 28950.720703125,
  "summary_fg_n": 32306.0,
  "summary_fg_p05": 22566.13720703125,
  "summary_fg_p95": 38212.408203125,
  "summary_fg_stdv": 4898.51953125,
  "tsnr": 98.99436950683594
}