{
  "aor": 0.002529125,
  "aqi": 0.0036368703749999993,
  "bids_meta": {
    "AcquisitionNumber": 3,
    "BidsifyVersion": "0.3.5",
    "ConversionSoftware": "dcm2niix",
    "ConversionSoftwareVersion": "v1.0.20181125  GCC6.3.0",
    "EchoTime": 0.02763,
    "EffectiveEchoSpacing": 0.0006909035636805814,
    "FlipAngle": 76.1,
    "ImageComments": "PIOP2",
    "ImageOrientationPatientDICOM": [
      0.999704,
      -0.0206589,
      0.0128184,
      0.0223373,
      0.98862,
      -0.148768
    ],
    "Manufacturer": "Philips",
    "NumberOfVolumesDiscardedByScanner": 2,
    "ParallelAcquisitionTechnique": "SENSE",
    "ParallelReductionFactorInPlane": 2,
    "PatientPosition": "HFS",
    "PhaseEncodingDirection": "j",
    "PhilipsRescaleIntercept": 0,
    "PhilipsRescaleSlope": 0.77582,
    "PhilipsScaleSlope": 0.0451053,
    "ProtocolName": "WIPtask-wm_boldSENSE",
    "PulseSequenceType": "gradient echo EPI",
    "ReconMatrixPE": 80,
    "RepetitionTime": 2,
    "SeriesDescription": "ImageMRSERIES",
    "SeriesNumber": 3,
    "SliceEncodingDirection": "k",
    "SliceTiming": [
      0.0,
      0.0556,
      0.1111,
      0.1667,
      0.2222,
      0.2778,
      0.3333,
      0.3889,
      0.4444,
      0.5,
      0.5556,
      0.6111,
      0.6667,
      0.7222,
      0.7778,
      0.8333,
      0.8889,
      0.9444,
      1.0,
      1.0556,
      1.1111,
      1.1667,
      1.2222,
      1.2778,
      1.3333,
      1.3889,
      1.4444,
      1.5,
      1.5556,
      1.6111,
      1.6667,
      1.7222,
      1.7778,
      1.8333,
      1.8889,
      1.9444
    ],
    "TaskName": "workingmemory",
    "TotalReadoutTime": 0.026945238983542674,
    "UsePhilipsFloatNotDisplayScaling": 1,
    "WaterFatShift": 12,
    "acq_id": "seq",
    "dataset": "ds002790",
    "modality": "bold",
    "subject_id": "0197",
    "task_id": "workingmemory"
  },
  "dummy_trs": 0,
  "dvars_nstd": 16.001511412075462,
  "dvars_std": 1.1646160727044033,
  "dvars_vstd": 1.0016863294339622,
  "efc": 0.4064501179433392,
  "fber": 277742.0,
  "fd_mean": 0.09302025483675361,
  "fd_num": 4,
  "fd_perc": 2.5,
  "fwhm_avg": 2.0169088980234515,
  "fwhm_x": 1.9862066666666667,
  "fwhm_y": 2.16802,
  "fwhm_z": 1.8965000274036874,
  "gcor": 0.0338652,
  "gsr_x": -0.015867143869400024,
  "gsr_y": 0.012380636297166348,
  "provenance": {
    "md5sum": "e50be7383a4d4f449afc5aacaf4f2c6b",
    "settings": {
      "fd_thres": 0.2,
      "testing": false
    },
    "software": "mriqc",
    "version": "22.0.0rc1",
    "webapi_port": null,
    "webapi_url": "https://mriqc.nimh.nih.gov/api/v1"
  },
  "size_t": 160,
  "size_x": 80,
  "size_y": 80,
  "size_z": 36,
  "snr": 5.8455136361013995,
  "spacing_tr": 2.0,
  "spacing_x": 3.0,
  "spacing_y": 3.0,
  "spacing_z": 3.299999952316284,
  "summary_bg_k": 58.55472480017318,
  "summary_bg_mad": 56.23170353751578,
  "summary_bg_mean": 498.2569274902344,
  "summary_bg_median": 54.31501007080078,
  "summary_bg_n": 157322.0,
  "summary_bg_p05": 4.459744143486023,
  "summary_bg_p95": 2391.887499999996,
  "summary_bg_stdv": 1591.7784423828125,
  "summary_fg_k": 1.1302806262928131,
  "summary_fg_mad": 4654.638352120712,
  "summary_fg_mean": 29880.375,
  "summary_fg_median": 29333.46484375,
  "summary_fg_n": 32250.0,
  "summary_fg_p05": 22808.29658203125,
  "summary_fg_p95": 38867.0017578125,
  "summary_fg_stdv": 5018.0380859375,
  "tsnr": 96.68135070800781
}