{
  "aor": 0.0034765367965367963,
  "aqi": 0.005378417575757576,
  "bids_meta": {
    "AcquisitionNumber": 7,
    "BidsifyVersion": "0.3.5",
    "ConversionSoftware": "dcm2niix",
    "ConversionSoftwareVersion": "v1.0.20181125  GCC6.3.0",
    "EchoTime": 0.02763,
    "FlipAngle": 76.1,
    "ImageComments": "PIOP2",
    "ImageOrientationPatientDICOM": [
      0.994736,
      0.102253,
      -0.0066356,
      -0.0975347,
      0.96471,
      0.244583
    ],
    "Manufacturer": "Philips",
    "NumberOfVolumesDiscardedByScanner": 2,
    "ParallelAcquisitionTechnique": "SENSE",
    "ParallelReductionFactorInPlane": 2,
    "PatientPosition": "HFS",
    "PhaseEncodingDirection": "j",
    "PhilipsRescaleIntercept": 0,
    "PhilipsRescaleSlope": 0.83175,
    "PhilipsScaleSlope": 0.0574413,
    "ProtocolName": "WIPtask-stop_boldSENSE",
    "PulseSequenceType": "gradient echo EPI",
    "ReconMatrixPE": 80,
    "RepetitionTime": 2,
    "SeriesDescription": "ImageMRSERIES",
    "SeriesNumber": 7,
    "SliceEncodingDirection": "k",
    "TaskName": "stopsignal",
    "UsePhilipsFloatNotDisplayScaling": 1,
    "WaterFatShift": 12,
    "acq_id": "seq",
    "dataset": "ds002790",
    "modality": "bold",
    "subject_id": "0226",
    "task_id": "stopsignal"
  },
  "dummy_trs": 0,
  "dvars_nstd": 18.763146114304334,
  "dvars_std": 1.2298424865652176,
  "dvars_vstd": 1.0294357695652174,
  "efc": 0.44323276014399454,
  "fber": 229736.203125,
  "fd_mean": 0.14657708761986799,
  "fd_num": 38,
  "fd_perc": 16.450216450216452,
  "fwhm_avg": 2.1184665751313507,
  "fwhm_x": 2.055423333333333,
  "fwhm_y": 2.33284,
  "fwhm_z": 1.967136392060719,
  "gcor": 0.0529119,
  "gsr_x": -0.024114316329360008,
  "gsr_y": 0.028669798746705055,
  "provenance": {
    "md5sum": "e6bf8040f6b411b7e9ddc25d382ade05",
    "settings": {
      "fd_thres": 0.2,
      "testing": false
    },
    "software": "mriqc",
    "version": "23.0.1",
    "webapi_port": null,
    "webapi_url": "https://mriqc.nimh.nih.gov/api/v1"
  },
  "size_t": 231,
  "size_x": 80,
  "size_y": 80,
  "size_z": 36,
  "snr": 5.635985894821902,
  "spacing_tr": 2.0,
  "spacing_x": 3.0,
  "spacing_y": 3.0,
  "spacing_z": 3.299999952316284,
  "summary_bg_k": 71.88737835623796,
  "summary_bg_mad": 48.63451102867727,
  "summary_bg_mean": 600.610595703125,
  "summary_bg_median": 45.45130157470703,
  "summary_bg_n": 152888.0,
  "summary_bg_p05": 3.2908789873123174,
  "summary_bg_p95": 3279.6810546874917,
  "summary_bg_stdv": 1787.1920166015625,
  "summary_fg_k": 1.4237136867065496,
  "summary_fg_mad": 3739.132930047231,
  "summary_fg_mean": 23190.44140625,
  "summary_fg_median": 22823.564453125,
  "summary_fg_n": 37056.0,
  "summary_fg_p05": 17518.0732421875,
  "summary_fg_p95": 30233.7734375,
  "summary_fg_stdv": 4049.558837890625,
  "tsnr": 88.92955780029297
}