{
  "bids_meta": {
    "AcquisitionNumber": 2,
    "BidsifyVersion": "0.3.5",
    "ConversionSoftware": "dcm2niix",
    "ConversionSoftwareVersion": "v1.0.20181125  GCC6.3.0",
    "EchoTime": 0.00385,
    "ImageComments": "PIOP2",
    "ImageOrientationPatientDICOM": [
      0.99883,
      0.0392755,
      -0.0282126,
      -0.0443085,
      0.977003,
      -0.208573
    ],
    "Manufacturer": "Philips",
    "NumberSignalAcquisitions": 2,
    "PatientPosition": "HFS",
    "PhilipsRescaleIntercept": 0,
    "PhilipsRescaleSlope": 8.83272,
    "PhilipsScaleSlope": 0.00725229,
    "ProtocolName": "WIPT1anat_acq-6m_T1wSENSE",
    "ReconMatrixPE": 240,
    "RepetitionTime": 0.008351,
    "SeriesDescription": "ImageMRSERIES",
    "SeriesNumber": 2,
    "UsePhilipsFloatNotDisplayScaling": 1,
    "dataset": "ds002790",
    "modality": "T1w",
    "subject_id": "0144"
  },
  "cjv": 0.2541700434106583,
  "cnr": 4.936106342033767,
  "efc": 0.7706784751282696,
  "fber": 1667.4573974609375,
  "fwhm_avg": 4.498436666666667,
  "fwhm_x": 4.21013,
  "fwhm_y": 4.59852,
  "fwhm_z": 4.68666,
  "icvs_csf": 0.2432914211706546,
  "icvs_gm": 0.4100320509737228,
  "icvs_wm": 0.3466765278556226,
  "inu_med": 1.690537929534912,
  "inu_range": 0.36346430778503414,
  "provenance": {
    "md5sum": "7e4a09eb9051946464c4cd2f26e63e7f",
    "settings": {
      "testing": false
    },
    "software": "mriqc",
    "version": "22.0.0rc1",
    "warnings": {
      "large_rot_frame": true,
      "small_air_mask": true
    },
    "webapi_port": null,
    "webapi_url": "https://mriqc.nimh.nih.gov/api/v1"
  },
  "qi_1": 0.0,
  "qi_2": 0.0002418638704703002,
  "rpve_csf": 22.624416846769158,
  "rpve_gm": 13.603547641835284,
  "rpve_wm": 20.62154919086169,
  "size_x": 240,
  "size_y": 240,
  "size_z": 220,
  "snr_csf": 2.5719837948615702,
  "snr_gm": 9.228131570006358,
  "snr_total": 13.382558379898475,
  "snr_wm": 28.34755977482749,
  "snrd_csf": 21.90238581152572,
  "snrd_gm": 53.33688912964765,
  "snrd_total": 53.629368981955935,
  "snrd_wm": 85.64883200469443,
  "spacing_x": 1.0,
  "spacing_y": 1.0,
  "spacing_z": 1.0,
  "summary_bg_k": 2.6863616978243066,
  "summary_bg_mad": 7.64906144450437,
  "summary_bg_mean": 9.384023666381836,
  "summary_bg_median": 10.448380470275879,
  "summary_bg_n": 134639.0,
  "summary_bg_p05": 0.0,
  "summary_bg_p95": 21.439254570007325,
  "summary_bg_stdv": 6.572018146514893,
  "summary_csf_k": -0.8306339398310221,
  "summary_csf_mad": 122.10382801606792,
  "summary_csf_mean": 252.1733856201172,
  "summary_csf_median": 255.72186279296875,
  "summary_csf_n": 16066.0,
  "summary_csf_p05": 100.01530838012695,
  "summary_csf_p95": 404.2242431640625,
  "summary_csf_stdv": 99.4228286743164,
  "summary_gm_k": 0.3737587878384181,
  "summary_gm_mad": 64.78285774165363,
  "summary_gm_mean": 628.6835327148438,
  "summary_gm_median": 622.7362060546875,
  "summary_gm_n": 28090.0,
  "summary_gm_p05": 529.2650268554687,
  "summary_gm_p95": 749.8856689453124,
  "summary_gm_stdv": 67.48117065429688,
  "summary_wm_k": 1.007730916615647,
  "summary_wm_mad": 31.105056078031012,
  "summary_wm_mean": 997.0889282226562,
  "summary_wm_median": 999.9951171875,
  "summary_wm_n": 212446.0,
  "summary_wm_p05": 933.8889617919922,
  "summary_wm_p95": 1049.8980712890625,
  "summary_wm_stdv": 35.27614974975586,
  "tpm_overlap_csf": 0.17376895248889923,
  "tpm_overlap_gm": 0.45177119970321655,
  "tpm_overlap_wm": 0.5026041269302368,
  "wm2max": 0.8100635011592336
}