{
  "bids_meta": {
    "AcquisitionNumber": 2,
    "BidsifyVersion": "0.3.5",
    "ConversionSoftware": "dcm2niix",
    "ConversionSoftwareVersion": "v1.0.20181125  GCC6.3.0",
    "EchoTime": 0.00384,
    "ImageComments": "PIOP2",
    "ImageOrientationPatientDICOM": [
      0.992376,
      0.0310601,
      0.119271,
      -0.0129909,
      0.988694,
      -0.149383
    ],
    "Manufacturer": "Philips",
    "NumberSignalAcquisitions": 2,
    "PatientPosition": "HFS",
    "PhilipsRescaleIntercept": 0,
    "PhilipsRescaleSlope": 9.10672,
    "PhilipsScaleSlope": 0.00676259,
    "ProtocolName": "WIPT1anat_acq-6m_T1wSENSE",
    "ReconMatrixPE": 240,
    "RepetitionTime": 0.008376,
    "SeriesDescription": "ImageMRSERIES",
    "SeriesNumber": 2,
    "UsePhilipsFloatNotDisplayScaling": 1,
    "dataset": "ds002790",
    "modality": "T1w",
    "subject_id": "0093"
  },
  "cjv": 0.2754337921518674,
  "cnr": 4.48465894339926,
  "efc": 0.7822758008385965,
  "fber": 1251.0484619140625,
  "fwhm_avg": 5.016339787193959,
  "fwhm_x": 4.56329,
  "fwhm_y": 5.13029,
  "fwhm_z": 5.355439361581878,
  "icvs_csf": 0.2700861160133542,
  "icvs_gm": 0.3731387059746863,
  "icvs_wm": 0.3567751780119595,
  "inu_med": 2.4643712043762207,
  "inu_range": 0.7488479614257812,
  "provenance": {
    "md5sum": "713b80338f120a1004ef58fa1f69835e",
    "settings": {
      "testing": false
    },
    "software": "mriqc",
    "version": "22.0.0rc1",
    "warnings": {
      "large_rot_frame": true,
      "small_air_mask": true
    },
    "webapi_port": null,
    "webapi_url": "https://mriqc.nimh.nih.gov/api/v1"
  },
  "qi_1": 0.0,
  "qi_2": 0.00012416931691077357,
  "rpve_csf": 21.018139612838347,
  "rpve_gm": 14.11518662028862,
  "rpve_wm": 19.539003692326787,
  "size_x": 240,
  "size_y": 240,
  "size_z": 220,
  "snr_csf": 2.9297449657747134,
  "snr_gm": 10.114508644477795,
  "snr_total": 13.3865562199842,
  "snr_wm": 27.115415049700093,
  "snrd_csf": 20.058979150866822,
  "snrd_gm": 43.789199200124806,
  "snrd_total": 43.34380406883989,
  "snrd_wm": 66.18323385552804,
  "spacing_x": 1.0,
  "spacing_y": 1.0,
  "spacing_z": 1.0000001192092896,
  "summary_bg_k": 2.8730531722074586,
  "summary_bg_mad": 9.898929639368335,
  "summary_bg_mean": 10.265274047851562,
  "summary_bg_median": 6.82111930847168,
  "summary_bg_n": 150278.0,
  "summary_bg_p05": 0.0,
  "summary_bg_p95": 20.644709968566893,
  "summary_bg_stdv": 7.324288368225098,
  "summary_csf_k": 2.490785653925774,
  "summary_csf_mad": 111.63952174643893,
  "summary_csf_mean": 292.4986877441406,
  "summary_csf_median": 303.08563232421875,
  "summary_csf_n": 24955.0,
  "summary_csf_p05": 114.56120147705079,
  "summary_csf_p95": 441.7887420654297,
  "summary_csf_stdv": 103.44912719726562,
  "summary_gm_k": 0.2963823663999192,
  "summary_gm_mad": 61.88371163102847,
  "summary_gm_mean": 668.27392578125,
  "summary_gm_median": 661.6427001953125,
  "summary_gm_n": 21509.0,
  "summary_gm_p05": 571.388916015625,
  "summary_gm_p95": 785.3625976562498,
  "summary_gm_stdv": 65.41368865966797,
  "summary_wm_k": 1.4978770920718798,
  "summary_wm_mad": 31.314180451014803,
  "summary_wm_mean": 998.999267578125,
  "summary_wm_median": 1000.0103759765625,
  "summary_wm_n": 236415.0,
  "summary_wm_p05": 936.7788208007812,
  "summary_wm_p95": 1057.18466796875,
  "summary_wm_stdv": 36.879695892333984,
  "tpm_overlap_csf": 0.1643107682466507,
  "tpm_overlap_gm": 0.4235632121562958,
  "tpm_overlap_wm": 0.5099903345108032,
  "wm2max": 0.6957480130641018
}