{
  "aor": 0.0023314163090128754,
  "aqi": 0.0030022899141630903,
  "bids_meta": {
    "AcquisitionNumber": 7,
    "BidsifyVersion": "0.3.5",
    "ConversionSoftware": "dcm2niix",
    "ConversionSoftwareVersion": "v1.0.20181125  GCC6.3.0",
    "EchoTime": 0.02763,
    "EffectiveEchoSpacing": 0.0006909035636805814,
    "FlipAngle": 76.1,
    "ImageComments": "PIOP2",
    "ImageOrientationPatientDICOM": [
      0.998191,
      -0.0576787,
      -0.0169614,
      0.0580797,
      0.998019,
      0.0241857
    ],
    "Manufacturer": "Philips",
    "NumberOfVolumesDiscardedByScanner": 2,
    "ParallelAcquisitionTechnique": "SENSE",
    "ParallelReductionFactorInPlane": 2,
    "PatientPosition": "HFS",
    "PhaseEncodingDirection": "j",
    "PhilipsRescaleIntercept": 0,
    "PhilipsRescaleSlope": 0.74725,
    "PhilipsScaleSlope": 0.0598479,
    "ProtocolName": "WIPtask-stop_boldSENSE",
    "PulseSequenceType": "gradient echo EPI",
    "ReconMatrixPE": 80,
    "RepetitionTime": 2,
    "SeriesDescription": "ImageMRSERIES",
    "SeriesNumber": 7,
    "SliceEncodingDirection": "k",
    "SliceTiming": [
      0.0,
      0.0556,
      0.1111,
      0.1667,
      0.2222,
      0.2778,
      0.3333,
      0.3889,
      0.4444,
      0.5,
      0.5556,
      0.6111,
      0.6667,
      0.7222,
      0.7778,
      0.8333,
      0.8889,
      0.9444,
      1.0,
      1.0556,
      1.1111,
      1.1667,
      1.2222,
      1.2778,
      1.3333,
      1.3889,
      1.4444,
      1.5,
      1.5556,
      1.6111,
      1.6667,
      1.7222,
      1.7778,
      1.8333,
      1.8889,
      1.9444
    ],
    "TaskName": "stopsignal",
    "TotalReadoutTime": 0.026945238983542674,
    "UsePhilipsFloatNotDisplayScaling": 1,
    "WaterFatShift": 12,
    "acq_id": "seq",
    "dataset": "ds002790",
    "modality": "bold",
    "subject_id": "0090",
    "task_id": "stopsignal"
  },
  "dummy_trs": 0,
  "dvars_nstd": 19.66951866400863,
  "dvars_std": 1.3131250851724146,
  "dvars_vstd": 1.0228814022413795,
  "efc": 0.4225423050714283,
  "fber": 210429.453125,
  "fd_mean": 0.12312441240755638,
  "fd_num": 13,
  "fd_perc": 5.579399141630901,
  "fwhm_avg": 2.044727484086142,
  "fwhm_x": 1.9822766666666667,
  "fwhm_y": 2.2130300000000003,
  "fwhm_z": 1.9388757855917582,
  "gcor": 0.044764,
  "gsr_x": -0.01509535126388073,
  "gsr_y": 0.00909713190048933,
  "provenance": {
    "md5sum": "d9c23970f6c7cb514bc0fab307bf3086",
    "settings": {
      "fd_thres": 0.2,
      "testing": false
    },
    "software": "mriqc",
    "version": "22.0.0rc1",
    "webapi_port": null,
    "webapi_url": "https://mriqc.nimh.nih.gov/api/v1"
  },
  "size_t": 233,
  "size_x": 80,
  "size_y": 80,
  "size_z": 36,
  "snr": 5.345867483338179,
  "spacing_tr": 2.0,
  "spacing_x": 3.0,
  "spacing_y": 3.0,
  "spacing_z": 3.299999952316284,
  "summary_bg_k": 89.13407718849908,
  "summary_bg_mad": 55.95770287497938,
  "summary_bg_mean": 441.82366943359375,
  "summary_bg_median": 51.135162353515625,
  "summary_bg_n": 154748.0,
  "summary_bg_p05": 3.784544289112092,
  "summary_bg_p95": 1947.599999999999,
  "summary_bg_stdv": 1365.19091796875,
  "summary_fg_k": 1.3474405777331393,
  "summary_fg_mad": 4144.336513916441,
  "summary_fg_mean": 24437.572265625,
  "summary_fg_median": 23969.0234375,
  "summary_fg_n": 35410.0,
  "summary_fg_p05": 17889.201171875,
  "summary_fg_p95": 32044.78427734374,
  "summary_fg_stdv": 4483.59130859375,
  "tsnr": 103.65950012207031
}