{
  "aor": 0.0035756666666666662,
  "aqi": 0.00701924325,
  "bids_meta": {
    "AcquisitionNumber": 4,
    "BidsifyVersion": "0.3.5",
    "ConversionSoftware": "dcm2niix",
    "ConversionSoftwareVersion": "v1.0.20181125  GCC6.3.0",
    "EchoTime": 0.02763,
    "EffectiveEchoSpacing": 0.0006909035636805814,
    "FlipAngle": 76.1,
    "ImageComments": "PIOP2",
    "ImageOrientationPatientDICOM": [
      0.994941,
      0.0965948,
      -0.0275946,
      -0.0938744,
      0.991775,
      0.0870025
    ],
    "Manufacturer": "Philips",
    "NumberOfVolumesDiscardedByScanner": 2,
    "ParallelAcquisitionTechnique": "SENSE",
    "ParallelReductionFactorInPlane": 2,
    "PatientPosition": "HFS",
    "PhaseEncodingDirection": "j",
    "PhilipsRescaleIntercept": 0,
    "PhilipsRescaleSlope": 0.76093,
    "PhilipsScaleSlope": 0.0534098,
    "ProtocolName": "WIPtask-rest_boldSENSE",
    "PulseSequenceType": "gradient echo EPI",
    "ReconMatrixPE": 80,
    "RepetitionTime": 2,
    "SeriesDescription": "ImageMRSERIES",
    "SeriesNumber": 4,
    "SliceEncodingDirection": "k",
    "SliceTiming": [
      0.0,
      0.0556,
      0.1111,
      0.1667,
      0.2222,
      0.2778,
      0.3333,
      0.3889,
      0.4444,
      0.5,
      0.5556,
      0.6111,
      0.6667,
      0.7222,
      0.7778,
      0.8333,
      0.8889,
      0.9444,
      1.0,
      1.0556,
      1.1111,
      1.1667,
      1.2222,
      1.2778,
      1.3333,
      1.3889,
      1.4444,
      1.5,
      1.5556,
      1.6111,
      1.6667,
      1.7222,
      1.7778,
      1.8333,
      1.8889,
      1.9444
    ],
    "TaskName": "restingstate",
    "TotalReadoutTime": 0.026945238983542674,
    "UsePhilipsFloatNotDisplayScaling": 1,
    "WaterFatShift": 12,
    "acq_id": "seq",
    "dataset": "ds002790",
    "modality": "bold",
    "subject_id": "0083",
    "task_id": "restingstate"
  },
  "dummy_trs": 0,
  "dvars_nstd": 25.458037827656888,
  "dvars_std": 1.426182930920502,
  "dvars_vstd": 0.9915132726778241,
  "efc": 0.43112569188305,
  "fber": 224880.703125,
  "fd_mean": 0.1281736270268986,
  "fd_num": 18,
  "fd_perc": 7.5,
  "fwhm_avg": 2.265081929129442,
  "fwhm_x": 2.2252966666666665,
  "fwhm_y": 2.50674,
  "fwhm_z": 2.06320912072166,
  "gcor": 0.00814911,
  "gsr_x": -0.01481693796813488,
  "gsr_y": 0.01585581712424755,
  "provenance": {
    "md5sum": "d957e5cf9660a1f7d2704e55543f32bb",
    "settings": {
      "fd_thres": 0.2,
      "testing": false
    },
    "software": "mriqc",
    "version": "22.0.0rc1",
    "webapi_port": null,
    "webapi_url": "https://mriqc.nimh.nih.gov/api/v1"
  },
  "size_t": 240,
  "size_x": 80,
  "size_y": 80,
  "size_z": 36,
  "snr": 4.6400873374211455,
  "spacing_tr": 2.0,
  "spacing_x": 3.0,
  "spacing_y": 3.0,
  "spacing_z": 3.299999952316284,
  "summary_bg_k": 105.62140537475422,
  "summary_bg_mad": 60.550104024243396,
  "summary_bg_mean": 544.52880859375,
  "summary_bg_median": 53.172821044921875,
  "summary_bg_n": 153213.0,
  "summary_bg_p05": 4.41794023513794,
  "summary_bg_p95": 2591.7826171874963,
  "summary_bg_stdv": 1660.88671875,
  "summary_fg_k": 2.156709705632311,
  "summary_fg_mad": 4526.3295546559,
  "summary_fg_mean": 26560.966796875,
  "summary_fg_median": 25657.298828125,
  "summary_fg_n": 36838.0,
  "summary_fg_p05": 19438.13056640625,
  "summary_fg_p95": 36897.341796875,
  "summary_fg_stdv": 5529.4111328125,
  "tsnr": 70.95479583740234
}