{
  "aor": 0.0017816875000000003,
  "aqi": 0.0036300821875,
  "bids_meta": {
    "AcquisitionNumber": 3,
    "BidsifyVersion": "0.3.5",
    "ConversionSoftware": "dcm2niix",
    "ConversionSoftwareVersion": "v1.0.20181125  GCC6.3.0",
    "EchoTime": 0.02763,
    "EffectiveEchoSpacing": 0.0006909035636805814,
    "FlipAngle": 76.1,
    "ImageComments": "PIOP2",
    "ImageOrientationPatientDICOM": [
      0.994941,
      0.0965948,
      -0.0275946,
      -0.0938744,
      0.991775,
      0.0870025
    ],
    "Manufacturer": "Philips",
    "NumberOfVolumesDiscardedByScanner": 2,
    "ParallelAcquisitionTechnique": "SENSE",
    "ParallelReductionFactorInPlane": 2,
    "PatientPosition": "HFS",
    "PhaseEncodingDirection": "j",
    "PhilipsRescaleIntercept": 0,
    "PhilipsRescaleSlope": 0.77265,
    "PhilipsScaleSlope": 0.0524841,
    "ProtocolName": "WIPtask-wm_boldSENSE",
    "PulseSequenceType": "gradient echo EPI",
    "ReconMatrixPE": 80,
    "RepetitionTime": 2,
    "SeriesDescription": "ImageMRSERIES",
    "SeriesNumber": 3,
    "SliceEncodingDirection": "k",
    "SliceTiming": [
      0.0,
      0.0556,
      0.1111,
      0.1667,
      0.2222,
      0.2778,
      0.3333,
      0.3889,
      0.4444,
      0.5,
      0.5556,
      0.6111,
      0.6667,
      0.7222,
      0.7778,
      0.8333,
      0.8889,
      0.9444,
      1.0,
      1.0556,
      1.1111,
      1.1667,
      1.2222,
      1.2778,
      1.3333,
      1.3889,
      1.4444,
      1.5,
      1.5556,
      1.6111,
      1.6667,
      1.7222,
      1.7778,
      1.8333,
      1.8889,
      1.9444
    ],
    "TaskName": "workingmemory",
    "TotalReadoutTime": 0.026945238983542674,
    "UsePhilipsFloatNotDisplayScaling": 1,
    "WaterFatShift": 12,
    "acq_id": "seq",
    "dataset": "ds002790",
    "modality": "bold",
    "subject_id": "0083",
    "task_id": "workingmemory"
  },
  "dummy_trs": 0,
  "dvars_nstd": 26.400419403207547,
  "dvars_std": 1.4768902767295586,
  "dvars_vstd": 0.9857570025157232,
  "efc": 0.43104878564674637,
  "fber": 236093.96875,
  "fd_mean": 0.10406334199894679,
  "fd_num": 3,
  "fd_perc": 1.875,
  "fwhm_avg": 2.2820060707044996,
  "fwhm_x": 2.2372133333333335,
  "fwhm_y": 2.5121866666666666,
  "fwhm_z": 2.096618212113499,
  "gcor": 0.0176075,
  "gsr_x": -0.01458924449980259,
  "gsr_y": 0.01577247492969036,
  "provenance": {
    "md5sum": "1068a941c86ef7a7f71090b4cdb7ef37",
    "settings": {
      "fd_thres": 0.2,
      "testing": false
    },
    "software": "mriqc",
    "version": "22.0.0rc1",
    "webapi_port": null,
    "webapi_url": "https://mriqc.nimh.nih.gov/api/v1"
  },
  "size_t": 160,
  "size_x": 80,
  "size_y": 80,
  "size_z": 36,
  "snr": 4.6352120009573925,
  "spacing_tr": 2.0,
  "spacing_x": 3.0,
  "spacing_y": 3.0,
  "spacing_z": 3.299999952316284,
  "summary_bg_k": 106.923401086038,
  "summary_bg_mad": 59.226569888056304,
  "summary_bg_mean": 534.9512939453125,
  "summary_bg_median": 51.508148193359375,
  "summary_bg_n": 152962.0,
  "summary_bg_p05": 3.243671452999115,
  "summary_bg_p95": 2479.3191162109374,
  "summary_bg_stdv": 1656.551513671875,
  "summary_fg_k": 2.1592020568975023,
  "summary_fg_mad": 4506.111725184013,
  "summary_fg_mean": 26463.716796875,
  "summary_fg_median": 25579.52734375,
  "summary_fg_n": 37040.0,
  "summary_fg_p05": 19347.03115234375,
  "summary_fg_p95": 36573.84570312494,
  "summary_fg_stdv": 5518.44921875,
  "tsnr": 94.00001525878906
}