{
  "bids_meta": {
    "AcquisitionNumber": 2,
    "BidsifyVersion": "0.3.5",
    "ConversionSoftware": "dcm2niix",
    "ConversionSoftwareVersion": "v1.0.20181125  GCC6.3.0",
    "EchoTime": 0.00374,
    "ImageComments": "PIOP2",
    "ImageOrientationPatientDICOM": [
      0.999625,
      0.0206943,
      -0.0179137,
      -0.0209392,
      0.999688,
      -0.01359
    ],
    "Manufacturer": "Philips",
    "NumberSignalAcquisitions": 2,
    "PatientPosition": "HFS",
    "PhilipsRescaleIntercept": 0,
    "PhilipsRescaleSlope": 8.49109,
    "PhilipsScaleSlope": 0.00749223,
    "ProtocolName": "WIPT1anat_acq-6m_T1wSENSE",
    "ReconMatrixPE": 240,
    "RepetitionTime": 0.008171,
    "SeriesDescription": "ImageMRSERIES",
    "SeriesNumber": 2,
    "UsePhilipsFloatNotDisplayScaling": 1,
    "dataset": "ds002790",
    "modality": "T1w",
    "subject_id": "0055"
  },
  "cjv": 0.26143224359822037,
  "cnr": 4.578937387399489,
  "efc": 0.7571597903113815,
  "fber": 1841.3660888671875,
  "fwhm_avg": 4.5561135207603485,
  "fwhm_x": 4.23483,
  "fwhm_y": 4.662000277876871,
  "fwhm_z": 4.771510284404176,
  "icvs_csf": 0.2605968745459849,
  "icvs_gm": 0.404928187017308,
  "icvs_wm": 0.3344749384367071,
  "inu_med": 1.7863937616348267,
  "inu_range": 0.3791392326354981,
  "provenance": {
    "md5sum": "d8bf8f05fdcf6960fb024133b6bccda5",
    "settings": {
      "testing": false
    },
    "software": "mriqc",
    "version": "22.0.0rc1",
    "warnings": {
      "large_rot_frame": true,
      "small_air_mask": true
    },
    "webapi_port": null,
    "webapi_url": "https://mriqc.nimh.nih.gov/api/v1"
  },
  "qi_1": 0.0,
  "qi_2": 0.00010848019755998814,
  "rpve_csf": 24.506235689341842,
  "rpve_gm": 15.539688386220902,
  "rpve_wm": 24.002058208653995,
  "size_x": 240,
  "size_y": 240,
  "size_z": 220,
  "snr_csf": 3.524633543976795,
  "snr_gm": 9.24606032811492,
  "snr_total": 12.517091775957711,
  "snr_wm": 24.78058145578142,
  "snrd_csf": 26.2460337917595,
  "snrd_gm": 52.426797438881714,
  "snrd_total": 53.792629481005214,
  "snrd_wm": 82.70505721237444,
  "spacing_x": 1.0,
  "spacing_y": 0.9999999403953552,
  "spacing_z": 0.9999999403953552,
  "summary_bg_k": 132.41124560718671,
  "summary_bg_mad": 7.921286577431191,
  "summary_bg_mean": 8.827193260192871,
  "summary_bg_median": 5.540983200073242,
  "summary_bg_n": 134922.0,
  "summary_bg_p05": 0.0,
  "summary_bg_p95": 22.06769857406616,
  "summary_bg_stdv": 7.990195274353027,
  "summary_csf_k": 6.054492863280643,
  "summary_csf_mad": 86.04142257212412,
  "summary_csf_mean": 302.254638671875,
  "summary_csf_median": 317.34210205078125,
  "summary_csf_n": 18761.0,
  "summary_csf_p05": 134.802001953125,
  "summary_csf_p95": 417.40875244140625,
  "summary_csf_stdv": 90.03308868408203,
  "summary_gm_k": 0.9217825219045137,
  "summary_gm_mad": 61.23588757815484,
  "summary_gm_mean": 641.3247680664062,
  "summary_gm_median": 633.89501953125,
  "summary_gm_n": 27833.0,
  "summary_gm_p05": 544.1936767578125,
  "summary_gm_p95": 769.996984863281,
  "summary_gm_stdv": 68.55715942382812,
  "summary_wm_k": 1.2678625719598662,
  "summary_wm_mad": 34.47339728771327,
  "summary_wm_mean": 997.8890991210938,
  "summary_wm_median": 999.990966796875,
  "summary_wm_n": 175538.0,
  "summary_wm_p05": 927.2511840820313,
  "summary_wm_p95": 1060.3187561035156,
  "summary_wm_stdv": 40.35369873046875,
  "tpm_overlap_csf": 0.16298545897006989,
  "tpm_overlap_gm": 0.4530869126319885,
  "tpm_overlap_wm": 0.5078592300415039,
  "wm2max": 0.7620240292042053
}