{
  "aor": 0.005406888888888889,
  "aqi": 0.0027902648148148148,
  "bids_meta": {
    "AcquisitionNumber": 8,
    "BidsifyVersion": "0.3.5",
    "ConversionSoftware": "dcm2niix",
    "ConversionSoftwareVersion": "v1.0.20181125  GCC6.3.0",
    "EchoTime": 0.02763,
    "EffectiveEchoSpacing": 0.0006909035636805814,
    "FlipAngle": 76.1,
    "ImageComments": "PIOP2",
    "ImageOrientationPatientDICOM": [
      0.99994,
      0.00981281,
      -0.00497264,
      -0.00820273,
      0.966283,
      0.257351
    ],
    "Manufacturer": "Philips",
    "NumberOfVolumesDiscardedByScanner": 2,
    "ParallelAcquisitionTechnique": "SENSE",
    "ParallelReductionFactorInPlane": 2,
    "PatientPosition": "HFS",
    "PhaseEncodingDirection": "j",
    "PhilipsRescaleIntercept": 0,
    "PhilipsRescaleSlope": 0.78803,
    "PhilipsScaleSlope": 0.0469697,
    "ProtocolName": "WIPtask-harriri_boldSENSE",
    "PulseSequenceType": "gradient echo EPI",
    "ReconMatrixPE": 80,
    "RepetitionTime": 2,
    "SeriesDescription": "ImageMRSERIES",
    "SeriesNumber": 8,
    "SliceEncodingDirection": "k",
    "SliceTiming": [
      0.0,
      0.0556,
      0.1111,
      0.1667,
      0.2222,
      0.2778,
      0.3333,
      0.3889,
      0.4444,
      0.5,
      0.5556,
      0.6111,
      0.6667,
      0.7222,
      0.7778,
      0.8333,
      0.8889,
      0.9444,
      1.0,
      1.0556,
      1.1111,
      1.1667,
      1.2222,
      1.2778,
      1.3333,
      1.3889,
      1.4444,
      1.5,
      1.5556,
      1.6111,
      1.6667,
      1.7222,
      1.7778,
      1.8333,
      1.8889,
      1.9444
    ],
    "TaskName": "emomatching",
    "TotalReadoutTime": 0.026945238983542674,
    "UsePhilipsFloatNotDisplayScaling": 1,
    "WaterFatShift": 12,
    "acq_id": "seq",
    "dataset": "ds002790",
    "modality": "bold",
    "subject_id": "0030",
    "task_id": "emomatching"
  },
  "dummy_trs": 0,
  "dvars_nstd": 14.35191064097015,
  "dvars_std": 1.1662572847761197,
  "dvars_vstd": 1.0537693449999996,
  "efc": 0.4404971307604055,
  "fber": 184533.375,
  "fd_mean": 0.07343780030822844,
  "fd_num": 1,
  "fd_perc": 0.7407407407407407,
  "fwhm_avg": 1.996108190773832,
  "fwhm_x": 1.9414333333333333,
  "fwhm_y": 2.187536666666667,
  "fwhm_z": 1.8593545723214955,
  "gcor": 0.0120599,
  "gsr_x": -0.014284939505159855,
  "gsr_y": 0.016642922535538673,
  "provenance": {
    "md5sum": "7d21e5a98a66c89e8d40b62608b13c22",
    "settings": {
      "fd_thres": 0.2,
      "testing": false
    },
    "software": "mriqc",
    "version": "22.0.0rc1",
    "webapi_port": null,
    "webapi_url": "https://mriqc.nimh.nih.gov/api/v1"
  },
  "size_t": 135,
  "size_x": 80,
  "size_y": 80,
  "size_z": 36,
  "snr": 5.845067396433045,
  "spacing_tr": 2.0,
  "spacing_x": 3.0,
  "spacing_y": 3.0,
  "spacing_z": 3.299999952316284,
  "summary_bg_k": 79.86816967162973,
  "summary_bg_mad": 76.75135395511488,
  "summary_bg_mean": 762.9641723632812,
  "summary_bg_median": 66.25006103515625,
  "summary_bg_n": 153459.0,
  "summary_bg_p05": 5.786074304580689,
  "summary_bg_p95": 3844.615283203127,
  "summary_bg_stdv": 2218.94287109375,
  "summary_fg_k": 1.5026181709393747,
  "summary_fg_mad": 4665.846187836973,
  "summary_fg_mean": 29316.037109375,
  "summary_fg_median": 28909.48828125,
  "summary_fg_n": 36268.0,
  "summary_fg_p05": 22224.76865234375,
  "summary_fg_p95": 37731.929492187504,
  "summary_fg_stdv": 4945.89501953125,
  "tsnr": 103.56354522705078
}