{
  "aor": 0.0025520091324200914,
  "aqi": 0.001968374200913242,
  "bids_meta": {
    "AcquisitionNumber": 7,
    "BidsifyVersion": "0.3.5",
    "ConversionSoftware": "dcm2niix",
    "ConversionSoftwareVersion": "v1.0.20181125  GCC6.3.0",
    "EchoTime": 0.02763,
    "EffectiveEchoSpacing": 0.0006909035636805814,
    "FlipAngle": 76.1,
    "ImageComments": "PIOP2",
    "ImageOrientationPatientDICOM": [
      0.99994,
      0.00981281,
      -0.00497264,
      -0.00820273,
      0.966283,
      0.257351
    ],
    "Manufacturer": "Philips",
    "NumberOfVolumesDiscardedByScanner": 2,
    "ParallelAcquisitionTechnique": "SENSE",
    "ParallelReductionFactorInPlane": 2,
    "PatientPosition": "HFS",
    "PhaseEncodingDirection": "j",
    "PhilipsRescaleIntercept": 0,
    "PhilipsRescaleSlope": 0.76386,
    "PhilipsScaleSlope": 0.047426,
    "ProtocolName": "WIPtask-stop_boldSENSE",
    "PulseSequenceType": "gradient echo EPI",
    "ReconMatrixPE": 80,
    "RepetitionTime": 2,
    "SeriesDescription": "ImageMRSERIES",
    "SeriesNumber": 7,
    "SliceEncodingDirection": "k",
    "SliceTiming": [
      0.0,
      0.0556,
      0.1111,
      0.1667,
      0.2222,
      0.2778,
      0.3333,
      0.3889,
      0.4444,
      0.5,
      0.5556,
      0.6111,
      0.6667,
      0.7222,
      0.7778,
      0.8333,
      0.8889,
      0.9444,
      1.0,
      1.0556,
      1.1111,
      1.1667,
      1.2222,
      1.2778,
      1.3333,
      1.3889,
      1.4444,
      1.5,
      1.5556,
      1.6111,
      1.6667,
      1.7222,
      1.7778,
      1.8333,
      1.8889,
      1.9444
    ],
    "TaskName": "stopsignal",
    "TotalReadoutTime": 0.026945238983542674,
    "UsePhilipsFloatNotDisplayScaling": 1,
    "WaterFatShift": 12,
    "acq_id": "seq",
    "dataset": "ds002790",
    "modality": "bold",
    "subject_id": "0030",
    "task_id": "stopsignal"
  },
  "dummy_trs": 0,
  "dvars_nstd": 14.21851178697247,
  "dvars_std": 1.1466352510091737,
  "dvars_vstd": 1.0262721664678904,
  "efc": 0.43871300493995385,
  "fber": 190277.359375,
  "fd_mean": 0.07601065729620242,
  "fd_num": 1,
  "fd_perc": 0.45662100456621,
  "fwhm_avg": 2.013993342333675,
  "fwhm_x": 1.9745066666666666,
  "fwhm_y": 2.19884,
  "fwhm_z": 1.8686333603343581,
  "gcor": 0.0107505,
  "gsr_x": -0.01422922033816576,
  "gsr_y": 0.01711258292198181,
  "provenance": {
    "md5sum": "0d4f227eb22063df731bf68df9146370",
    "settings": {
      "fd_thres": 0.2,
      "testing": false
    },
    "software": "mriqc",
    "version": "22.0.0rc1",
    "webapi_port": null,
    "webapi_url": "https://mriqc.nimh.nih.gov/api/v1"
  },
  "size_t": 219,
  "size_x": 80,
  "size_y": 80,
  "size_z": 36,
  "snr": 5.760881334576308,
  "spacing_tr": 2.0,
  "spacing_x": 3.0,
  "spacing_y": 3.0,
  "spacing_z": 3.299999952316284,
  "summary_bg_k": 89.08869142602029,
  "summary_bg_mad": 74.11559421215925,
  "summary_bg_mean": 727.974853515625,
  "summary_bg_median": 64.3939208984375,
  "summary_bg_n": 153421.0,
  "summary_bg_p05": 5.269291400909424,
  "summary_bg_p95": 3699.197998046875,
  "summary_bg_stdv": 2151.609375,
  "summary_fg_k": 1.508092327339364,
  "summary_fg_mad": 4655.582352752026,
  "summary_fg_mean": 28972.849609375,
  "summary_fg_median": 28555.646484375,
  "summary_fg_n": 36136.0,
  "summary_fg_p05": 21829.2294921875,
  "summary_fg_p95": 37501.69140625,
  "summary_fg_stdv": 4956.75048828125,
  "tsnr": 123.82522583007812
}