{
  "aor": 0.005411407407407407,
  "aqi": 0.004131680814814815,
  "bids_meta": {
    "AcquisitionNumber": 8,
    "BidsifyVersion": "0.3.5",
    "ConversionSoftware": "dcm2niix",
    "ConversionSoftwareVersion": "v1.0.20181125  GCC6.3.0",
    "EchoTime": 0.02763,
    "EffectiveEchoSpacing": 0.0006909035636805814,
    "FlipAngle": 76.1,
    "ImageComments": "PIOP2",
    "ImageOrientationPatientDICOM": [
      0.998722,
      0.0500685,
      0.00690058,
      -0.0493698,
      0.99566,
      -0.078896
    ],
    "Manufacturer": "Philips",
    "NumberOfVolumesDiscardedByScanner": 2,
    "ParallelAcquisitionTechnique": "SENSE",
    "ParallelReductionFactorInPlane": 2,
    "PatientPosition": "HFS",
    "PhaseEncodingDirection": "j",
    "PhilipsRescaleIntercept": 0,
    "PhilipsRescaleSlope": 0.79878,
    "PhilipsScaleSlope": 0.0622836,
    "ProtocolName": "WIPtask-harriri_boldSENSE",
    "PulseSequenceType": "gradient echo EPI",
    "ReconMatrixPE": 80,
    "RepetitionTime": 2,
    "SeriesDescription": "ImageMRSERIES",
    "SeriesNumber": 8,
    "SliceEncodingDirection": "k",
    "SliceTiming": [
      0.0,
      0.0556,
      0.1111,
      0.1667,
      0.2222,
      0.2778,
      0.3333,
      0.3889,
      0.4444,
      0.5,
      0.5556,
      0.6111,
      0.6667,
      0.7222,
      0.7778,
      0.8333,
      0.8889,
      0.9444,
      1.0,
      1.0556,
      1.1111,
      1.1667,
      1.2222,
      1.2778,
      1.3333,
      1.3889,
      1.4444,
      1.5,
      1.5556,
      1.6111,
      1.6667,
      1.7222,
      1.7778,
      1.8333,
      1.8889,
      1.9444
    ],
    "TaskName": "emomatching",
    "TotalReadoutTime": 0.026945238983542674,
    "UsePhilipsFloatNotDisplayScaling": 1,
    "WaterFatShift": 12,
    "acq_id": "seq",
    "dataset": "ds002790",
    "modality": "bold",
    "subject_id": "0110",
    "task_id": "emomatching"
  },
  "dummy_trs": 0,
  "dvars_nstd": 19.294441038208962,
  "dvars_std": 1.4045754767910452,
  "dvars_vstd": 1.061442199253731,
  "efc": 0.42536250248026186,
  "fber": 261355.9375,
  "fd_mean": 0.08906834001718633,
  "fd_num": 6,
  "fd_perc": 4.444444444444445,
  "fwhm_avg": 1.8826775842409715,
  "fwhm_x": 1.80823,
  "fwhm_y": 2.0784966666666667,
  "fwhm_z": 1.7613060860562482,
  "gcor": 0.0912059,
  "gsr_x": -0.018820928409695625,
  "gsr_y": 0.015147760510444641,
  "provenance": {
    "md5sum": "6af79bef8e94ea0e983546f3a024cb11",
    "settings": {
      "fd_thres": 0.2,
      "testing": false
    },
    "software": "mriqc",
    "version": "22.0.0rc1",
    "webapi_port": null,
    "webapi_url": "https://mriqc.nimh.nih.gov/api/v1"
  },
  "size_t": 135,
  "size_x": 80,
  "size_y": 80,
  "size_z": 36,
  "snr": 5.967622804987734,
  "spacing_tr": 2.0,
  "spacing_x": 3.0,
  "spacing_y": 3.0,
  "spacing_z": 3.299999952316284,
  "summary_bg_k": 69.3188647610242,
  "summary_bg_mad": 48.09500594682481,
  "summary_bg_mean": 578.3212280273438,
  "summary_bg_median": 45.196693420410156,
  "summary_bg_n": 155929.0,
  "summary_bg_p05": 3.4151967525482183,
  "summary_bg_p95": 2961.345947265626,
  "summary_bg_stdv": 1783.2867431640625,
  "summary_fg_k": 1.4930713056762492,
  "summary_fg_mad": 3825.3917116604225,
  "summary_fg_mean": 24127.16796875,
  "summary_fg_median": 23767.892578125,
  "summary_fg_n": 34226.0,
  "summary_fg_p05": 18476.544921875,
  "summary_fg_p95": 30734.7783203125,
  "summary_fg_stdv": 3982.749267578125,
  "tsnr": 96.51758575439453
}