{
  "bids_meta": {
    "AcquisitionNumber": 2,
    "BidsifyVersion": "0.3.5",
    "ConversionSoftware": "dcm2niix",
    "ConversionSoftwareVersion": "v1.0.20181125  GCC6.3.0",
    "EchoTime": 0.00373,
    "ImageComments": "PIOP2",
    "ImageOrientationPatientDICOM": [
      0.999603,
      -0.0101044,
      -0.0262906,
      0.00994476,
      0.999931,
      -0.00619594
    ],
    "Manufacturer": "Philips",
    "NumberSignalAcquisitions": 2,
    "PatientPosition": "HFS",
    "PhilipsRescaleIntercept": 0,
    "PhilipsRescaleSlope": 8.58852,
    "PhilipsScaleSlope": 0.00780701,
    "ProtocolName": "WIPT1anat_acq-6m_T1wSENSE",
    "ReconMatrixPE": 240,
    "RepetitionTime": 0.008167,
    "SeriesDescription": "ImageMRSERIES",
    "SeriesNumber": 2,
    "UsePhilipsFloatNotDisplayScaling": 1,
    "dataset": "ds002790",
    "modality": "T1w",
    "subject_id": "0154"
  },
  "cjv": 0.26265312676136415,
  "cnr": 4.767905795972462,
  "efc": 0.766090310328977,
  "fber": 1645.9564208984375,
  "fwhm_avg": 4.831586765225139,
  "fwhm_x": 4.48966,
  "fwhm_y": 5.04449,
  "fwhm_z": 4.960610295675415,
  "icvs_csf": 0.2790227819284544,
  "icvs_gm": 0.35401088482211795,
  "icvs_wm": 0.3669663332494276,
  "inu_med": 1.1382135152816772,
  "inu_range": 0.27822104692459115,
  "provenance": {
    "md5sum": "ebf93e9f34825a56dd3f8dabd580ed71",
    "settings": {
      "testing": false
    },
    "software": "mriqc",
    "version": "22.0.0rc1",
    "warnings": {
      "large_rot_frame": true,
      "small_air_mask": true
    },
    "webapi_port": null,
    "webapi_url": "https://mriqc.nimh.nih.gov/api/v1"
  },
  "qi_1": 0.0,
  "qi_2": 0.0006032201762320384,
  "rpve_csf": 24.102537385320662,
  "rpve_gm": 16.907485369357765,
  "rpve_wm": 22.400076024960345,
  "size_x": 240,
  "size_y": 240,
  "size_z": 220,
  "snr_csf": 3.3957725835653685,
  "snr_gm": 11.119155917799468,
  "snr_total": 15.138183558996353,
  "snr_wm": 30.899622175624224,
  "snrd_csf": 25.660887811090102,
  "snrd_gm": 50.33829098403279,
  "snrd_total": 50.303181065732396,
  "snrd_wm": 74.9103644020743,
  "spacing_x": 1.0,
  "spacing_y": 1.0,
  "spacing_z": 0.9999999403953552,
  "summary_bg_k": 2.7706554356296342,
  "summary_bg_mad": 8.745539878614613,
  "summary_bg_mean": 9.027809143066406,
  "summary_bg_median": 5.9912309646606445,
  "summary_bg_n": 89793.0,
  "summary_bg_p05": 0.0,
  "summary_bg_p95": 17.983898544311522,
  "summary_bg_stdv": 5.794105052947998,
  "summary_csf_k": -0.3786103905938396,
  "summary_csf_mad": 101.40263031447975,
  "summary_csf_mean": 326.1575927734375,
  "summary_csf_median": 342.55206298828125,
  "summary_csf_n": 27292.0,
  "summary_csf_p05": 137.37575912475586,
  "summary_csf_p95": 463.03107299804674,
  "summary_csf_stdv": 100.87418365478516,
  "summary_gm_k": 0.39336055468899067,
  "summary_gm_mad": 56.52212829079062,
  "summary_gm_mean": 678.1241455078125,
  "summary_gm_median": 671.9754028320312,
  "summary_gm_n": 22738.0,
  "summary_gm_p05": 589.4544891357422,
  "summary_gm_p95": 788.0098449707029,
  "summary_gm_stdv": 60.432701110839844,
  "summary_wm_k": 0.9292165981450213,
  "summary_wm_mad": 29.63263408105751,
  "summary_wm_mean": 999.070556640625,
  "summary_wm_median": 999.99267578125,
  "summary_wm_n": 221020.0,
  "summary_wm_p05": 944.784701538086,
  "summary_wm_p95": 1050.481103515625,
  "summary_wm_stdv": 32.362545013427734,
  "tpm_overlap_csf": 0.15954124927520752,
  "tpm_overlap_gm": 0.4253383278846741,
  "tpm_overlap_wm": 0.521258533000946,
  "wm2max": 0.7934790795219661
}