{
  "aor": 0.002629703703703704,
  "aqi": 0.003311842962962963,
  "bids_meta": {
    "AcquisitionNumber": 8,
    "BidsifyVersion": "0.3.5",
    "ConversionSoftware": "dcm2niix",
    "ConversionSoftwareVersion": "v1.0.20181125  GCC6.3.0",
    "EchoTime": 0.02763,
    "FlipAngle": 76.1,
    "ImageComments": "PIOP2",
    "ImageOrientationPatientDICOM": [
      0.997867,
      0.0616907,
      0.0213689,
      -0.0643542,
      0.984557,
      0.162805
    ],
    "Manufacturer": "Philips",
    "NumberOfVolumesDiscardedByScanner": 2,
    "ParallelAcquisitionTechnique": "SENSE",
    "ParallelReductionFactorInPlane": 2,
    "PatientPosition": "HFS",
    "PhaseEncodingDirection": "j",
    "PhilipsRescaleIntercept": 0,
    "PhilipsRescaleSlope": 0.78315,
    "PhilipsScaleSlope": 0.0679309,
    "ProtocolName": "WIPtask-harriri_boldSENSE",
    "PulseSequenceType": "gradient echo EPI",
    "ReconMatrixPE": 80,
    "RepetitionTime": 2,
    "SeriesDescription": "ImageMRSERIES",
    "SeriesNumber": 8,
    "SliceEncodingDirection": "k",
    "TaskName": "emomatching",
    "UsePhilipsFloatNotDisplayScaling": 1,
    "WaterFatShift": 12,
    "acq_id": "seq",
    "dataset": "ds002790",
    "modality": "bold",
    "subject_id": "0225",
    "task_id": "emomatching"
  },
  "dummy_trs": 0,
  "dvars_nstd": 20.003420630373135,
  "dvars_std": 1.2632028424626864,
  "dvars_vstd": 1.0222835691044783,
  "efc": 0.4320281764739318,
  "fber": 245844.578125,
  "fd_mean": 0.16364823673296502,
  "fd_num": 36,
  "fd_perc": 26.666666666666668,
  "fwhm_avg": 1.9374985945722267,
  "fwhm_x": 1.8907233333333335,
  "fwhm_y": 2.1126633333333333,
  "fwhm_z": 1.8091091170500138,
  "gcor": 0.0706499,
  "gsr_x": -0.009178482927381992,
  "gsr_y": 0.011833441443741322,
  "provenance": {
    "md5sum": "b0abdec6d0b52ccb70c80b0828d5c3c4",
    "settings": {
      "fd_thres": 0.2,
      "testing": false
    },
    "software": "mriqc",
    "version": "23.0.1",
    "webapi_port": null,
    "webapi_url": "https://mriqc.nimh.nih.gov/api/v1"
  },
  "size_t": 135,
  "size_x": 80,
  "size_y": 80,
  "size_z": 36,
  "snr": 5.720709952263906,
  "spacing_tr": 2.0,
  "spacing_x": 3.0,
  "spacing_y": 3.0,
  "spacing_z": 3.299999952316284,
  "summary_bg_k": 88.31910706139352,
  "summary_bg_mad": 47.75914629928435,
  "summary_bg_mean": 445.0758361816406,
  "summary_bg_median": 41.43927764892578,
  "summary_bg_n": 153140.0,
  "summary_bg_p05": 3.0011935949325568,
  "summary_bg_p95": 2024.9843811035155,
  "summary_bg_stdv": 1353.3836669921875,
  "summary_fg_k": 1.5761461260589886,
  "summary_fg_mad": 3377.139092866578,
  "summary_fg_mean": 21480.955078125,
  "summary_fg_median": 21056.689453125,
  "summary_fg_n": 36525.0,
  "summary_fg_p05": 16480.91953125,
  "summary_fg_p95": 27966.57968749999,
  "summary_fg_stdv": 3680.732177734375,
  "tsnr": 98.30738830566406
}