{
  "aor": 0.0019538333333333335,
  "aqi": 0.005779786,
  "bids_meta": {
    "AcquisitionNumber": 4,
    "BidsifyVersion": "0.3.5",
    "ConversionSoftware": "dcm2niix",
    "ConversionSoftwareVersion": "v1.0.20181125  GCC6.3.0",
    "EchoTime": 0.02763,
    "FlipAngle": 76.1,
    "ImageComments": "PIOP2",
    "ImageOrientationPatientDICOM": [
      0.997867,
      0.0616907,
      0.0213689,
      -0.0643542,
      0.984557,
      0.162805
    ],
    "Manufacturer": "Philips",
    "NumberOfVolumesDiscardedByScanner": 2,
    "ParallelAcquisitionTechnique": "SENSE",
    "ParallelReductionFactorInPlane": 2,
    "PatientPosition": "HFS",
    "PhaseEncodingDirection": "j",
    "PhilipsRescaleIntercept": 0,
    "PhilipsRescaleSlope": 0.78632,
    "PhilipsScaleSlope": 0.0663893,
    "ProtocolName": "WIPtask-rest_boldSENSE",
    "PulseSequenceType": "gradient echo EPI",
    "ReconMatrixPE": 80,
    "RepetitionTime": 2,
    "SeriesDescription": "ImageMRSERIES",
    "SeriesNumber": 4,
    "SliceEncodingDirection": "k",
    "TaskName": "restingstate",
    "UsePhilipsFloatNotDisplayScaling": 1,
    "WaterFatShift": 12,
    "acq_id": "seq",
    "dataset": "ds002790",
    "modality": "bold",
    "subject_id": "0225",
    "task_id": "restingstate"
  },
  "dummy_trs": 0,
  "dvars_nstd": 22.335491356192474,
  "dvars_std": 1.2599729393305437,
  "dvars_vstd": 0.9884009677405857,
  "efc": 0.43065445067077707,
  "fber": 246519.421875,
  "fd_mean": 0.23484196294491755,
  "fd_num": 113,
  "fd_perc": 47.083333333333336,
  "fwhm_avg": 1.9347579885070523,
  "fwhm_x": 1.8862266666666667,
  "fwhm_y": 2.1098866666666667,
  "fwhm_z": 1.8081606321878234,
  "gcor": 0.0867921,
  "gsr_x": -0.009265893138945103,
  "gsr_y": 0.011075220070779324,
  "provenance": {
    "md5sum": "d24311114145a83e038f8ab943fd8ed9",
    "settings": {
      "fd_thres": 0.2,
      "testing": false
    },
    "software": "mriqc",
    "version": "23.0.1",
    "webapi_port": null,
    "webapi_url": "https://mriqc.nimh.nih.gov/api/v1"
  },
  "size_t": 240,
  "size_x": 80,
  "size_y": 80,
  "size_z": 36,
  "snr": 5.622215907981572,
  "spacing_tr": 2.0,
  "spacing_x": 3.0,
  "spacing_y": 3.0,
  "spacing_z": 3.299999952316284,
  "summary_bg_k": 90.59280993645187,
  "summary_bg_mad": 47.75109119899708,
  "summary_bg_mean": 441.58856201171875,
  "summary_bg_median": 42.239341735839844,
  "summary_bg_n": 153211.0,
  "summary_bg_p05": 3.673809289932251,
  "summary_bg_p95": 1983.5284423828125,
  "summary_bg_stdv": 1358.9578857421875,
  "summary_fg_k": 1.6970822524230096,
  "summary_fg_mad": 3491.470310431532,
  "summary_fg_mean": 21957.65625,
  "summary_fg_median": 21504.052734375,
  "summary_fg_n": 36523.0,
  "summary_fg_p05": 16784.1953125,
  "summary_fg_p95": 28657.3962890625,
  "summary_fg_stdv": 3824.783447265625,
  "tsnr": 76.3581314086914
}