{
  "bids_meta": {
    "AcquisitionNumber": 2,
    "BidsifyVersion": "0.3.5",
    "ConversionSoftware": "dcm2niix",
    "ConversionSoftwareVersion": "v1.0.20181125  GCC6.3.0",
    "EchoTime": 0.00374,
    "ImageComments": "PIOP2",
    "ImageOrientationPatientDICOM": [
      0.999914,
      3.5741e-05,
      -0.0131314,
      0.00104711,
      0.996595,
      0.0824466
    ],
    "Manufacturer": "Philips",
    "NumberSignalAcquisitions": 2,
    "PatientPosition": "HFS",
    "PhilipsRescaleIntercept": 0,
    "PhilipsRescaleSlope": 9.54383,
    "PhilipsScaleSlope": 0.00772022,
    "ProtocolName": "WIPT1anat_acq-6m_T1wSENSE",
    "ReconMatrixPE": 240,
    "RepetitionTime": 0.008175,
    "SeriesDescription": "ImageMRSERIES",
    "SeriesNumber": 2,
    "UsePhilipsFloatNotDisplayScaling": 1,
    "dataset": "ds002790",
    "modality": "T1w",
    "subject_id": "0127"
  },
  "cjv": 0.26080580968962785,
  "cnr": 4.60943958558373,
  "efc": 0.7571977648194357,
  "fber": 1011.1376953125,
  "fwhm_avg": 4.54072,
  "fwhm_x": 4.26296,
  "fwhm_y": 4.64601,
  "fwhm_z": 4.71319,
  "icvs_csf": 0.2765760707904943,
  "icvs_gm": 0.3856742866689683,
  "icvs_wm": 0.3377496425405374,
  "inu_med": 0.7564762830734253,
  "inu_range": 0.21642404496669765,
  "provenance": {
    "md5sum": "a391f5e99bc5a3e42a5ac57abcde12e6",
    "settings": {
      "testing": false
    },
    "software": "mriqc",
    "version": "22.0.0rc1",
    "warnings": {
      "large_rot_frame": true,
      "small_air_mask": true
    },
    "webapi_port": null,
    "webapi_url": "https://mriqc.nimh.nih.gov/api/v1"
  },
  "qi_1": 0.0,
  "qi_2": 0.00025859793701762707,
  "rpve_csf": 26.271214158596187,
  "rpve_gm": 17.52443288926887,
  "rpve_wm": 26.430378553258542,
  "size_x": 240,
  "size_y": 240,
  "size_z": 220,
  "snr_csf": 2.8175838025260096,
  "snr_gm": 9.107921099344024,
  "snr_total": 12.475878953659647,
  "snr_wm": 25.50213195910891,
  "snrd_csf": 18.334235843242528,
  "snrd_gm": 39.36335078420052,
  "snrd_total": 40.02723131696628,
  "snrd_wm": 62.384107323455794,
  "spacing_x": 1.0,
  "spacing_y": 1.0,
  "spacing_z": 1.0,
  "summary_bg_k": 13.06630502192942,
  "summary_bg_mad": 10.501628799861205,
  "summary_bg_mean": 10.620838165283203,
  "summary_bg_median": 7.407960414886475,
  "summary_bg_n": 114565.0,
  "summary_bg_p05": 0.0,
  "summary_bg_p95": 22.185807800292967,
  "summary_bg_stdv": 8.494037628173828,
  "summary_csf_k": -0.7935087798189295,
  "summary_csf_mad": 115.57582882675415,
  "summary_csf_mean": 280.5478515625,
  "summary_csf_median": 293.8919982910156,
  "summary_csf_n": 14443.0,
  "summary_csf_p05": 101.05325927734376,
  "summary_csf_p95": 428.71788024902344,
  "summary_csf_stdv": 104.30278015136719,
  "summary_gm_k": 0.337029532108978,
  "summary_gm_mad": 64.49455386786462,
  "summary_gm_mean": 636.6802368164062,
  "summary_gm_median": 630.9820556640625,
  "summary_gm_n": 23852.0,
  "summary_gm_p05": 531.78115234375,
  "summary_gm_p95": 761.9285186767578,
  "summary_gm_stdv": 69.27693176269531,
  "summary_wm_k": 2.1221869042784816,
  "summary_wm_mad": 31.74681724341442,
  "summary_wm_mean": 997.2700805664062,
  "summary_wm_median": 999.9974975585938,
  "summary_wm_n": 162001.0,
  "summary_wm_p05": 928.00732421875,
  "summary_wm_p95": 1054.890625,
  "summary_wm_stdv": 39.212188720703125,
  "tpm_overlap_csf": 0.16615910828113556,
  "tpm_overlap_gm": 0.44263705611228943,
  "tpm_overlap_wm": 0.5207422375679016,
  "wm2max": 0.6832489621382819
}