{
  "bids_meta": {
    "AcquisitionNumber": 2,
    "BidsifyVersion": "0.3.5",
    "ConversionSoftware": "dcm2niix",
    "ConversionSoftwareVersion": "v1.0.20181125  GCC6.3.0",
    "EchoTime": 0.00373,
    "ImageComments": "PIOP2",
    "ImageOrientationPatientDICOM": [
      0.999309,
      0.0371327,
      0.00181876,
      -0.0371669,
      0.998985,
      0.025429
    ],
    "Manufacturer": "Philips",
    "NumberSignalAcquisitions": 2,
    "PatientPosition": "HFS",
    "PhilipsRescaleIntercept": 0,
    "PhilipsRescaleSlope": 8.99512,
    "PhilipsScaleSlope": 0.00735141,
    "ProtocolName": "WIPT1anat_acq-6m_T1wSENSE",
    "ReconMatrixPE": 240,
    "RepetitionTime": 0.008122,
    "SeriesDescription": "ImageMRSERIES",
    "SeriesNumber": 2,
    "UsePhilipsFloatNotDisplayScaling": 1,
    "dataset": "ds002790",
    "modality": "T1w",
    "subject_id": "0112"
  },
  "cjv": 0.2646823326739945,
  "cnr": 4.718133758142566,
  "efc": 0.7640873050965485,
  "fber": 1551.8248291015625,
  "fwhm_avg": 4.663213333333333,
  "fwhm_x": 4.34284,
  "fwhm_y": 4.78062,
  "fwhm_z": 4.86618,
  "icvs_csf": 0.24654609324792529,
  "icvs_gm": 0.4023057228059662,
  "icvs_wm": 0.3511481839461085,
  "inu_med": 1.7929922342300415,
  "inu_range": 0.4050835371017456,
  "provenance": {
    "md5sum": "65325573a51a38ef73c8cad3b56f991c",
    "settings": {
      "testing": false
    },
    "software": "mriqc",
    "version": "22.0.0rc1",
    "warnings": {
      "large_rot_frame": true,
      "small_air_mask": true
    },
    "webapi_port": null,
    "webapi_url": "https://mriqc.nimh.nih.gov/api/v1"
  },
  "qi_1": 0.0,
  "qi_2": 0.0001194415595271018,
  "rpve_csf": 25.95640984297869,
  "rpve_gm": 15.846198559507567,
  "rpve_wm": 23.20575360981745,
  "size_x": 240,
  "size_y": 240,
  "size_z": 220,
  "snr_csf": 2.302856419985637,
  "snr_gm": 9.454871225847747,
  "snr_total": 12.006570634924467,
  "snr_wm": 24.261984258940018,
  "snrd_csf": 23.386302918154673,
  "snrd_gm": 49.938088671103635,
  "snrd_total": 50.887008460357926,
  "snrd_wm": 79.33663379181549,
  "spacing_x": 1.0,
  "spacing_y": 1.0,
  "spacing_z": 1.0,
  "summary_bg_k": 25.607704709727592,
  "summary_bg_mad": 8.257633673773482,
  "summary_bg_mean": 7.9525465965271,
  "summary_bg_median": 5.767289161682129,
  "summary_bg_n": 149916.0,
  "summary_bg_p05": 0.0,
  "summary_bg_p95": 17.521926879882812,
  "summary_bg_stdv": 6.132145881652832,
  "summary_csf_k": 66.73851246115,
  "summary_csf_mad": 102.96238730084139,
  "summary_csf_mean": 283.5220642089844,
  "summary_csf_median": 294.771484375,
  "summary_csf_n": 11738.0,
  "summary_csf_p05": 99.63565292358399,
  "summary_csf_p95": 424.9718368530273,
  "summary_csf_stdv": 127.9970932006836,
  "summary_gm_k": 0.6583055200819872,
  "summary_gm_mad": 61.460757360441605,
  "summary_gm_mean": 634.47119140625,
  "summary_gm_median": 629.442138671875,
  "summary_gm_n": 22748.0,
  "summary_gm_p05": 536.3435485839843,
  "summary_gm_p95": 754.3497863769531,
  "summary_gm_stdv": 66.57185363769531,
  "summary_wm_k": 1.3470889692046395,
  "summary_wm_mad": 36.61794013295034,
  "summary_wm_mean": 997.2930297851562,
  "summary_wm_median": 999.99462890625,
  "summary_wm_n": 185206.0,
  "summary_wm_p05": 925.3653564453125,
  "summary_wm_p95": 1059.2062683105469,
  "summary_wm_stdv": 41.21641159057617,
  "tpm_overlap_csf": 0.16220492124557495,
  "tpm_overlap_gm": 0.4479849338531494,
  "tpm_overlap_wm": 0.5115537643432617,
  "wm2max": 0.7559913911457175
}