{
  "bids_meta": {
    "AcquisitionNumber": 3,
    "BidsifyVersion": "0.3.5",
    "ConversionSoftware": "dcm2niix",
    "ConversionSoftwareVersion": "v1.0.20181125  GCC6.3.0",
    "EchoTime": 0.00379,
    "ImageComments": "PIOP2",
    "ImageOrientationPatientDICOM": [
      0.99826,
      -0.0279116,
      -0.0519317,
      0.0209106,
      0.991191,
      -0.130777
    ],
    "Manufacturer": "Philips",
    "NumberSignalAcquisitions": 2,
    "PatientPosition": "HFS",
    "PhilipsRescaleIntercept": 0,
    "PhilipsRescaleSlope": 8.45177,
    "PhilipsScaleSlope": 0.00801221,
    "ProtocolName": "WIPT1anat_acq-6m_T1wSENSE",
    "ReconMatrixPE": 240,
    "RepetitionTime": 0.008276,
    "SeriesDescription": "ImageMRSERIES",
    "SeriesNumber": 3,
    "UsePhilipsFloatNotDisplayScaling": 1,
    "dataset": "ds002790",
    "modality": "T1w",
    "subject_id": "0102"
  },
  "cjv": 0.2560573898210406,
  "cnr": 4.650165248698809,
  "efc": 0.7452360289122105,
  "fber": 1612.81298828125,
  "fwhm_avg": 4.594660188323469,
  "fwhm_x": 4.30535,
  "fwhm_y": 4.603390274383442,
  "fwhm_z": 4.875240290586966,
  "icvs_csf": 0.25148234417217924,
  "icvs_gm": 0.399105192245299,
  "icvs_wm": 0.3494124635825217,
  "inu_med": 2.2290306091308594,
  "inu_range": 0.5300290107727053,
  "provenance": {
    "md5sum": "731cbbf223f6f2ec32bd5a66cb5e4dd1",
    "settings": {
      "testing": false
    },
    "software": "mriqc",
    "version": "22.0.0rc1",
    "warnings": {
      "large_rot_frame": true,
      "small_air_mask": true
    },
    "webapi_port": null,
    "webapi_url": "https://mriqc.nimh.nih.gov/api/v1"
  },
  "qi_1": 0.0,
  "qi_2": 0.00011183980859795857,
  "rpve_csf": 27.87994870475058,
  "rpve_gm": 17.385805558335836,
  "rpve_wm": 25.826383414384438,
  "size_x": 240,
  "size_y": 240,
  "size_z": 220,
  "snr_csf": 2.9536317797745624,
  "snr_gm": 9.627383808930379,
  "snr_total": 13.405319688382072,
  "snr_wm": 27.634943476441276,
  "snrd_csf": 22.97035859544645,
  "snrd_gm": 47.30811100605172,
  "snrd_total": 47.91182216490363,
  "snrd_wm": 73.45699689321273,
  "spacing_x": 1.0,
  "spacing_y": 0.9999999403953552,
  "spacing_z": 0.9999999403953552,
  "summary_bg_k": 184.9315337544028,
  "summary_bg_mad": 8.918628388254266,
  "summary_bg_mean": 10.52978801727295,
  "summary_bg_median": 6.1456403732299805,
  "summary_bg_n": 260150.0,
  "summary_bg_p05": 0.0,
  "summary_bg_p95": 24.41008186340332,
  "summary_bg_stdv": 8.714737892150879,
  "summary_csf_k": -0.662015568670618,
  "summary_csf_mad": 110.38215127365235,
  "summary_csf_mean": 295.4521789550781,
  "summary_csf_median": 312.7044982910156,
  "summary_csf_n": 14545.0,
  "summary_csf_p05": 113.76438903808594,
  "summary_csf_p95": 444.3408752441406,
  "summary_csf_stdv": 105.86754608154297,
  "summary_gm_k": 1.0374645964302918,
  "summary_gm_mad": 60.45929503425744,
  "summary_gm_mean": 649.8397216796875,
  "summary_gm_median": 644.0238647460938,
  "summary_gm_n": 18208.0,
  "summary_gm_p05": 553.8766479492188,
  "summary_gm_p95": 772.0627624511716,
  "summary_gm_stdv": 66.8931655883789,
  "summary_wm_k": 1.8557278720062405,
  "summary_wm_mad": 30.690743684389172,
  "summary_wm_mean": 998.8364868164062,
  "summary_wm_median": 999.9989013671875,
  "summary_wm_n": 171096.0,
  "summary_wm_p05": 938.2516632080078,
  "summary_wm_p95": 1055.0465087890625,
  "summary_wm_stdv": 36.1859245300293,
  "tpm_overlap_csf": 0.17472226917743683,
  "tpm_overlap_gm": 0.4611571133136749,
  "tpm_overlap_wm": 0.5253452658653259,
  "wm2max": 0.6838495413468829
}