{
  "aor": 0.001984,
  "aqi": 0.003807804125,
  "bids_meta": {
    "AcquisitionNumber": 3,
    "BidsifyVersion": "0.3.5",
    "ConversionSoftware": "dcm2niix",
    "ConversionSoftwareVersion": "v1.0.20181125  GCC6.3.0",
    "EchoTime": 0.02763,
    "EffectiveEchoSpacing": 0.0006909035636805814,
    "FlipAngle": 76.1,
    "ImageComments": "PIOP2",
    "ImageOrientationPatientDICOM": [
      0.999035,
      0.0335483,
      -0.0283468,
      -0.033316,
      0.999408,
      0.00862896
    ],
    "Manufacturer": "Philips",
    "NumberOfVolumesDiscardedByScanner": 2,
    "ParallelAcquisitionTechnique": "SENSE",
    "ParallelReductionFactorInPlane": 2,
    "PatientPosition": "HFS",
    "PhaseEncodingDirection": "j",
    "PhilipsRescaleIntercept": 0,
    "PhilipsRescaleSlope": 0.75458,
    "PhilipsScaleSlope": 0.0595697,
    "ProtocolName": "WIPtask-wm_boldSENSE",
    "PulseSequenceType": "gradient echo EPI",
    "ReconMatrixPE": 80,
    "RepetitionTime": 2,
    "SeriesDescription": "ImageMRSERIES",
    "SeriesNumber": 3,
    "SliceEncodingDirection": "k",
    "SliceTiming": [
      0.0,
      0.0556,
      0.1111,
      0.1667,
      0.2222,
      0.2778,
      0.3333,
      0.3889,
      0.4444,
      0.5,
      0.5556,
      0.6111,
      0.6667,
      0.7222,
      0.7778,
      0.8333,
      0.8889,
      0.9444,
      1.0,
      1.0556,
      1.1111,
      1.1667,
      1.2222,
      1.2778,
      1.3333,
      1.3889,
      1.4444,
      1.5,
      1.5556,
      1.6111,
      1.6667,
      1.7222,
      1.7778,
      1.8333,
      1.8889,
      1.9444
    ],
    "TaskName": "workingmemory",
    "TotalReadoutTime": 0.026945238983542674,
    "UsePhilipsFloatNotDisplayScaling": 1,
    "WaterFatShift": 12,
    "acq_id": "seq",
    "dataset": "ds002790",
    "modality": "bold",
    "subject_id": "0125",
    "task_id": "workingmemory"
  },
  "dummy_trs": 0,
  "dvars_nstd": 22.25411061201259,
  "dvars_std": 1.3511777569811325,
  "dvars_vstd": 1.0102247239622644,
  "efc": 0.4318222967904581,
  "fber": 156029.078125,
  "fd_mean": 0.10434993744206589,
  "fd_num": 4,
  "fd_perc": 2.5,
  "fwhm_avg": 1.994888898230241,
  "fwhm_x": 1.83727,
  "fwhm_y": 2.2079633333333333,
  "fwhm_z": 1.9394333613573906,
  "gcor": 0.0471827,
  "gsr_x": -0.022493576630949974,
  "gsr_y": 0.025784440338611603,
  "provenance": {
    "md5sum": "d2d4920502e8e5c30267dd8bdd1f7cda",
    "settings": {
      "fd_thres": 0.2,
      "testing": false
    },
    "software": "mriqc",
    "version": "22.0.0rc1",
    "webapi_port": null,
    "webapi_url": "https://mriqc.nimh.nih.gov/api/v1"
  },
  "size_t": 160,
  "size_x": 80,
  "size_y": 80,
  "size_z": 36,
  "snr": 5.8935085413529755,
  "spacing_tr": 2.0,
  "spacing_x": 3.0,
  "spacing_y": 3.0,
  "spacing_z": 3.299999952316284,
  "summary_bg_k": 52.54462401944786,
  "summary_bg_mad": 70.75690583197695,
  "summary_bg_mean": 517.4873046875,
  "summary_bg_median": 61.360328674316406,
  "summary_bg_n": 154777.0,
  "summary_bg_p05": 5.124078273773193,
  "summary_bg_p95": 2272.5869628906235,
  "summary_bg_stdv": 1351.9154052734375,
  "summary_fg_k": 2.6000919386551917,
  "summary_fg_mad": 3565.914605616007,
  "summary_fg_mean": 25221.318359375,
  "summary_fg_median": 24655.28515625,
  "summary_fg_n": 36372.0,
  "summary_fg_p05": 19694.038671875,
  "summary_fg_p95": 32475.935937499988,
  "summary_fg_stdv": 4183.4072265625,
  "tsnr": 104.32649230957031
}