{
  "aor": 0.002288888888888889,
  "aqi": 0.004178941185185186,
  "bids_meta": {
    "AcquisitionNumber": 8,
    "BidsifyVersion": "0.3.5",
    "ConversionSoftware": "dcm2niix",
    "ConversionSoftwareVersion": "v1.0.20181125  GCC6.3.0",
    "EchoTime": 0.02763,
    "EffectiveEchoSpacing": 0.0006909035636805814,
    "FlipAngle": 76.1,
    "ImageComments": "PIOP2",
    "ImageOrientationPatientDICOM": [
      0.999035,
      0.0335483,
      -0.0283468,
      -0.033316,
      0.999408,
      0.00862896
    ],
    "Manufacturer": "Philips",
    "NumberOfVolumesDiscardedByScanner": 2,
    "ParallelAcquisitionTechnique": "SENSE",
    "ParallelReductionFactorInPlane": 2,
    "PatientPosition": "HFS",
    "PhaseEncodingDirection": "j",
    "PhilipsRescaleIntercept": 0,
    "PhilipsRescaleSlope": 0.75165,
    "PhilipsScaleSlope": 0.0624208,
    "ProtocolName": "WIPtask-harriri_boldSENSE",
    "PulseSequenceType": "gradient echo EPI",
    "ReconMatrixPE": 80,
    "RepetitionTime": 2,
    "SeriesDescription": "ImageMRSERIES",
    "SeriesNumber": 8,
    "SliceEncodingDirection": "k",
    "SliceTiming": [
      0.0,
      0.0556,
      0.1111,
      0.1667,
      0.2222,
      0.2778,
      0.3333,
      0.3889,
      0.4444,
      0.5,
      0.5556,
      0.6111,
      0.6667,
      0.7222,
      0.7778,
      0.8333,
      0.8889,
      0.9444,
      1.0,
      1.0556,
      1.1111,
      1.1667,
      1.2222,
      1.2778,
      1.3333,
      1.3889,
      1.4444,
      1.5,
      1.5556,
      1.6111,
      1.6667,
      1.7222,
      1.7778,
      1.8333,
      1.8889,
      1.9444
    ],
    "TaskName": "emomatching",
    "TotalReadoutTime": 0.026945238983542674,
    "UsePhilipsFloatNotDisplayScaling": 1,
    "WaterFatShift": 12,
    "acq_id": "seq",
    "dataset": "ds002790",
    "modality": "bold",
    "subject_id": "0125",
    "task_id": "emomatching"
  },
  "dummy_trs": 0,
  "dvars_nstd": 20.893732932014913,
  "dvars_std": 1.3196000773134327,
  "dvars_vstd": 1.017104471641791,
  "efc": 0.43423555434474226,
  "fber": 149671.65625,
  "fd_mean": 0.10652057832279345,
  "fd_num": 1,
  "fd_perc": 0.7407407407407407,
  "fwhm_avg": 1.9773657668382503,
  "fwhm_x": 1.8157266666666667,
  "fwhm_y": 2.19331,
  "fwhm_z": 1.9230606338480838,
  "gcor": 0.0235601,
  "gsr_x": -0.023152273148298264,
  "gsr_y": 0.026251446455717087,
  "provenance": {
    "md5sum": "6312513d72373af2cd5b344dfa7d5cf0",
    "settings": {
      "fd_thres": 0.2,
      "testing": false
    },
    "software": "mriqc",
    "version": "22.0.0rc1",
    "webapi_port": null,
    "webapi_url": "https://mriqc.nimh.nih.gov/api/v1"
  },
  "size_t": 135,
  "size_x": 80,
  "size_y": 80,
  "size_z": 36,
  "snr": 5.997752224423599,
  "spacing_tr": 2.0,
  "spacing_x": 3.0,
  "spacing_y": 3.0,
  "spacing_z": 3.299999952316284,
  "summary_bg_k": 57.04373398456974,
  "summary_bg_mad": 71.07723074424337,
  "summary_bg_mean": 529.7403564453125,
  "summary_bg_median": 61.39397430419922,
  "summary_bg_n": 154579.0,
  "summary_bg_p05": 5.332984781265259,
  "summary_bg_p95": 2320.1289306640633,
  "summary_bg_stdv": 1391.8079833984375,
  "summary_fg_k": 2.558165869638035,
  "summary_fg_mad": 3473.984580946286,
  "summary_fg_mean": 24807.017578125,
  "summary_fg_median": 24257.203125,
  "summary_fg_n": 36484.0,
  "summary_fg_p05": 19456.94287109375,
  "summary_fg_p95": 31763.691796875,
  "summary_fg_stdv": 4044.326904296875,
  "tsnr": 100.086181640625
}