{
  "aor": 0.0014735833333333333,
  "aqi": 0.008409692208333335,
  "bids_meta": {
    "AcquisitionNumber": 4,
    "BidsifyVersion": "0.3.5",
    "ConversionSoftware": "dcm2niix",
    "ConversionSoftwareVersion": "v1.0.20181125  GCC6.3.0",
    "EchoTime": 0.02763,
    "EffectiveEchoSpacing": 0.0006909035636805814,
    "FlipAngle": 76.1,
    "ImageComments": "PIOP2",
    "ImageOrientationPatientDICOM": [
      0.999035,
      0.0335483,
      -0.0283468,
      -0.033316,
      0.999408,
      0.00862896
    ],
    "Manufacturer": "Philips",
    "NumberOfVolumesDiscardedByScanner": 2,
    "ParallelAcquisitionTechnique": "SENSE",
    "ParallelReductionFactorInPlane": 2,
    "PatientPosition": "HFS",
    "PhaseEncodingDirection": "j",
    "PhilipsRescaleIntercept": 0,
    "PhilipsRescaleSlope": 0.75629,
    "PhilipsScaleSlope": 0.059601,
    "ProtocolName": "WIPtask-rest_boldSENSE",
    "PulseSequenceType": "gradient echo EPI",
    "ReconMatrixPE": 80,
    "RepetitionTime": 2,
    "SeriesDescription": "ImageMRSERIES",
    "SeriesNumber": 4,
    "SliceEncodingDirection": "k",
    "SliceTiming": [
      0.0,
      0.0556,
      0.1111,
      0.1667,
      0.2222,
      0.2778,
      0.3333,
      0.3889,
      0.4444,
      0.5,
      0.5556,
      0.6111,
      0.6667,
      0.7222,
      0.7778,
      0.8333,
      0.8889,
      0.9444,
      1.0,
      1.0556,
      1.1111,
      1.1667,
      1.2222,
      1.2778,
      1.3333,
      1.3889,
      1.4444,
      1.5,
      1.5556,
      1.6111,
      1.6667,
      1.7222,
      1.7778,
      1.8333,
      1.8889,
      1.9444
    ],
    "TaskName": "restingstate",
    "TotalReadoutTime": 0.026945238983542674,
    "UsePhilipsFloatNotDisplayScaling": 1,
    "WaterFatShift": 12,
    "acq_id": "seq",
    "dataset": "ds002790",
    "modality": "bold",
    "subject_id": "0125",
    "task_id": "restingstate"
  },
  "dummy_trs": 0,
  "dvars_nstd": 21.95279401087867,
  "dvars_std": 1.2604187003765697,
  "dvars_vstd": 0.966106679497908,
  "efc": 0.43292357596966413,
  "fber": 151289.171875,
  "fd_mean": 0.1285802038758615,
  "fd_num": 32,
  "fd_perc": 13.333333333333334,
  "fwhm_avg": 1.9956985951120003,
  "fwhm_x": 1.84218,
  "fwhm_y": 2.22374,
  "fwhm_z": 1.921175785336,
  "gcor": 0.021774,
  "gsr_x": -0.022787196561694145,
  "gsr_y": 0.026256615296006203,
  "provenance": {
    "md5sum": "8e469accc4116929fab05a1aa42709b8",
    "settings": {
      "fd_thres": 0.2,
      "testing": false
    },
    "software": "mriqc",
    "version": "22.0.0rc1",
    "webapi_port": null,
    "webapi_url": "https://mriqc.nimh.nih.gov/api/v1"
  },
  "size_t": 240,
  "size_x": 80,
  "size_y": 80,
  "size_z": 36,
  "snr": 5.910487816487326,
  "spacing_tr": 2.0,
  "spacing_x": 3.0,
  "spacing_y": 3.0,
  "spacing_z": 3.299999952316284,
  "summary_bg_k": 54.88206295575289,
  "summary_bg_mad": 71.01869517739362,
  "summary_bg_mean": 522.3063354492188,
  "summary_bg_median": 61.67512893676758,
  "summary_bg_n": 154656.0,
  "summary_bg_p05": 5.786898255348206,
  "summary_bg_p95": 2304.8829956054688,
  "summary_bg_stdv": 1364.701171875,
  "summary_fg_k": 2.556220104620051,
  "summary_fg_mad": 3513.343036715677,
  "summary_fg_mean": 24918.982421875,
  "summary_fg_median": 24350.12109375,
  "summary_fg_n": 36444.0,
  "summary_fg_p05": 19469.7828125,
  "summary_fg_p95": 32107.02802734375,
  "summary_fg_stdv": 4119.75927734375,
  "tsnr": 72.80903625488281
}