{
  "aor": 0.003654916666666667,
  "aqi": 0.006511461083333334,
  "bids_meta": {
    "AcquisitionNumber": 4,
    "BidsifyVersion": "0.3.5",
    "ConversionSoftware": "dcm2niix",
    "ConversionSoftwareVersion": "v1.0.20181125  GCC6.3.0",
    "EchoTime": 0.02763,
    "EffectiveEchoSpacing": 0.0006909035636805814,
    "FlipAngle": 76.1,
    "ImageComments": "PIOP2",
    "ImageOrientationPatientDICOM": [
      0.99879,
      0.0245104,
      -0.0426446,
      -0.0249332,
      0.999645,
      -0.00941049
    ],
    "Manufacturer": "Philips",
    "NumberOfVolumesDiscardedByScanner": 2,
    "ParallelAcquisitionTechnique": "SENSE",
    "ParallelReductionFactorInPlane": 2,
    "PatientPosition": "HFS",
    "PhaseEncodingDirection": "j",
    "PhilipsRescaleIntercept": 0,
    "PhilipsRescaleSlope": 0.78559,
    "PhilipsScaleSlope": 0.0519996,
    "ProtocolName": "WIPtask-rest_boldSENSE",
    "PulseSequenceType": "gradient echo EPI",
    "ReconMatrixPE": 80,
    "RepetitionTime": 2,
    "SeriesDescription": "ImageMRSERIES",
    "SeriesNumber": 4,
    "SliceEncodingDirection": "k",
    "SliceTiming": [
      0.0,
      0.0556,
      0.1111,
      0.1667,
      0.2222,
      0.2778,
      0.3333,
      0.3889,
      0.4444,
      0.5,
      0.5556,
      0.6111,
      0.6667,
      0.7222,
      0.7778,
      0.8333,
      0.8889,
      0.9444,
      1.0,
      1.0556,
      1.1111,
      1.1667,
      1.2222,
      1.2778,
      1.3333,
      1.3889,
      1.4444,
      1.5,
      1.5556,
      1.6111,
      1.6667,
      1.7222,
      1.7778,
      1.8333,
      1.8889,
      1.9444
    ],
    "TaskName": "restingstate",
    "TotalReadoutTime": 0.026945238983542674,
    "UsePhilipsFloatNotDisplayScaling": 1,
    "WaterFatShift": 12,
    "acq_id": "seq",
    "dataset": "ds002790",
    "modality": "bold",
    "subject_id": "0196",
    "task_id": "restingstate"
  },
  "dummy_trs": 0,
  "dvars_nstd": 17.25847213560669,
  "dvars_std": 1.2076889859832647,
  "dvars_vstd": 1.0081832304184097,
  "efc": 0.44303606636876697,
  "fber": 223147.078125,
  "fd_mean": 0.11213580181416909,
  "fd_num": 9,
  "fd_perc": 3.75,
  "fwhm_avg": 1.9219236447782435,
  "fwhm_x": 1.8812033333333333,
  "fwhm_y": 2.1375433333333334,
  "fwhm_z": 1.7470242676680632,
  "gcor": 0.018509,
  "gsr_x": -0.008001615293323994,
  "gsr_y": 0.011414987035095692,
  "provenance": {
    "md5sum": "0a12616939c4920a5c40f24e7c17db26",
    "settings": {
      "fd_thres": 0.2,
      "testing": false
    },
    "software": "mriqc",
    "version": "22.0.0rc1",
    "webapi_port": null,
    "webapi_url": "https://mriqc.nimh.nih.gov/api/v1"
  },
  "size_t": 240,
  "size_x": 80,
  "size_y": 80,
  "size_z": 36,
  "snr": 5.865658261996278,
  "spacing_tr": 2.0,
  "spacing_x": 3.0,
  "spacing_y": 3.0,
  "spacing_z": 3.299999952316284,
  "summary_bg_k": 73.73428763602627,
  "summary_bg_mad": 61.50511060616944,
  "summary_bg_mean": 625.2200927734375,
  "summary_bg_median": 54.10063934326172,
  "summary_bg_n": 152006.0,
  "summary_bg_p05": 4.385372161865234,
  "summary_bg_p95": 3090.8683471679688,
  "summary_bg_stdv": 1863.8382568359375,
  "summary_fg_k": 3.3147584217422192,
  "summary_fg_mad": 3929.173866955815,
  "summary_fg_mean": 26269.34765625,
  "summary_fg_median": 25895.138671875,
  "summary_fg_n": 37803.0,
  "summary_fg_p05": 20361.9154296875,
  "summary_fg_p95": 33175.655859375,
  "summary_fg_stdv": 4414.64453125,
  "tsnr": 79.10459899902344
}