{
  "aor": 0.002864850746268656,
  "aqi": 0.004530530223880597,
  "bids_meta": {
    "AcquisitionNumber": 8,
    "BidsifyVersion": "0.3.5",
    "ConversionSoftware": "dcm2niix",
    "ConversionSoftwareVersion": "v1.0.20181125  GCC6.3.0",
    "EchoTime": 0.02763,
    "EffectiveEchoSpacing": 0.0006909035636805814,
    "FlipAngle": 76.1,
    "ImageComments": "PIOP2",
    "ImageOrientationPatientDICOM": [
      0.99879,
      0.0245104,
      -0.0426446,
      -0.0249332,
      0.999645,
      -0.00941049
    ],
    "Manufacturer": "Philips",
    "NumberOfVolumesDiscardedByScanner": 2,
    "ParallelAcquisitionTechnique": "SENSE",
    "ParallelReductionFactorInPlane": 2,
    "PatientPosition": "HFS",
    "PhaseEncodingDirection": "j",
    "PhilipsRescaleIntercept": 0,
    "PhilipsRescaleSlope": 0.77582,
    "PhilipsScaleSlope": 0.0525338,
    "ProtocolName": "WIPtask-harriri_boldSENSE",
    "PulseSequenceType": "gradient echo EPI",
    "ReconMatrixPE": 80,
    "RepetitionTime": 2,
    "SeriesDescription": "ImageMRSERIES",
    "SeriesNumber": 8,
    "SliceEncodingDirection": "k",
    "SliceTiming": [
      0.0,
      0.0556,
      0.1111,
      0.1667,
      0.2222,
      0.2778,
      0.3333,
      0.3889,
      0.4444,
      0.5,
      0.5556,
      0.6111,
      0.6667,
      0.7222,
      0.7778,
      0.8333,
      0.8889,
      0.9444,
      1.0,
      1.0556,
      1.1111,
      1.1667,
      1.2222,
      1.2778,
      1.3333,
      1.3889,
      1.4444,
      1.5,
      1.5556,
      1.6111,
      1.6667,
      1.7222,
      1.7778,
      1.8333,
      1.8889,
      1.9444
    ],
    "TaskName": "emomatching",
    "TotalReadoutTime": 0.026945238983542674,
    "UsePhilipsFloatNotDisplayScaling": 1,
    "WaterFatShift": 12,
    "acq_id": "seq",
    "dataset": "ds002790",
    "modality": "bold",
    "subject_id": "0196",
    "task_id": "emomatching"
  },
  "dummy_trs": 1,
  "dvars_nstd": 19.668295917744352,
  "dvars_std": 1.28679582037594,
  "dvars_vstd": 1.0220496252631586,
  "efc": 0.44440307780849514,
  "fber": 237686.921875,
  "fd_mean": 0.12624241072956943,
  "fd_num": 12,
  "fd_perc": 8.955223880597014,
  "fwhm_avg": 1.9064088972189293,
  "fwhm_x": 1.8655966666666668,
  "fwhm_y": 2.124163333333333,
  "fwhm_z": 1.7294666916567873,
  "gcor": 0.0221226,
  "gsr_x": -0.00823393277823925,
  "gsr_y": 0.011058341711759567,
  "provenance": {
    "md5sum": "4e9024fb5d9b3376e0dbef97890da566",
    "settings": {
      "fd_thres": 0.2,
      "testing": false
    },
    "software": "mriqc",
    "version": "22.0.0rc1",
    "webapi_port": null,
    "webapi_url": "https://mriqc.nimh.nih.gov/api/v1"
  },
  "size_t": 134,
  "size_x": 80,
  "size_y": 80,
  "size_z": 36,
  "snr": 5.869243417524816,
  "spacing_tr": 2.0,
  "spacing_x": 3.0,
  "spacing_y": 3.0,
  "spacing_z": 3.299999952316284,
  "summary_bg_k": 67.86680783337773,
  "summary_bg_mad": 58.06813632240531,
  "summary_bg_mean": 632.1603393554688,
  "summary_bg_median": 52.17046356201172,
  "summary_bg_n": 151844.0,
  "summary_bg_p05": 4.750014209747315,
  "summary_bg_p95": 3144.6937500000004,
  "summary_bg_stdv": 1859.1146240234375,
  "summary_fg_k": 3.2518861470708993,
  "summary_fg_mad": 3938.997554507144,
  "summary_fg_mean": 26200.751953125,
  "summary_fg_median": 25801.57421875,
  "summary_fg_n": 37940.0,
  "summary_fg_p05": 20336.42763671875,
  "summary_fg_p95": 33077.8630859375,
  "summary_fg_stdv": 4396.0068359375,
  "tsnr": 89.95863342285156
}