{
  "aor": 0.0018194166666666664,
  "aqi": 0.003082350041666667,
  "bids_meta": {
    "AcquisitionNumber": 4,
    "BidsifyVersion": "0.3.5",
    "ConversionSoftware": "dcm2niix",
    "ConversionSoftwareVersion": "v1.0.20181125  GCC6.3.0",
    "EchoTime": 0.02763,
    "EffectiveEchoSpacing": 0.0006909035636805814,
    "FlipAngle": 76.1,
    "ImageComments": "PIOP2",
    "ImageOrientationPatientDICOM": [
      0.998275,
      0.0512015,
      -0.0287476,
      -0.0570357,
      0.961902,
      -0.267379
    ],
    "Manufacturer": "Philips",
    "NumberOfVolumesDiscardedByScanner": 2,
    "ParallelAcquisitionTechnique": "SENSE",
    "ParallelReductionFactorInPlane": 2,
    "PatientPosition": "HFS",
    "PhaseEncodingDirection": "j",
    "PhilipsRescaleIntercept": 0,
    "PhilipsRescaleSlope": 0.83175,
    "PhilipsScaleSlope": 0.055952,
    "ProtocolName": "WIPtask-rest_boldSENSE",
    "PulseSequenceType": "gradient echo EPI",
    "ReconMatrixPE": 80,
    "RepetitionTime": 2,
    "SeriesDescription": "ImageMRSERIES",
    "SeriesNumber": 4,
    "SliceEncodingDirection": "k",
    "SliceTiming": [
      0.0,
      0.0556,
      0.1111,
      0.1667,
      0.2222,
      0.2778,
      0.3333,
      0.3889,
      0.4444,
      0.5,
      0.5556,
      0.6111,
      0.6667,
      0.7222,
      0.7778,
      0.8333,
      0.8889,
      0.9444,
      1.0,
      1.0556,
      1.1111,
      1.1667,
      1.2222,
      1.2778,
      1.3333,
      1.3889,
      1.4444,
      1.5,
      1.5556,
      1.6111,
      1.6667,
      1.7222,
      1.7778,
      1.8333,
      1.8889,
      1.9444
    ],
    "TaskName": "restingstate",
    "TotalReadoutTime": 0.026945238983542674,
    "UsePhilipsFloatNotDisplayScaling": 1,
    "WaterFatShift": 12,
    "acq_id": "seq",
    "dataset": "ds002790",
    "modality": "bold",
    "subject_id": "0011",
    "task_id": "restingstate"
  },
  "dummy_trs": 0,
  "dvars_nstd": 14.700704869707119,
  "dvars_std": 1.1713685753556489,
  "dvars_vstd": 1.011029469707113,
  "efc": 0.39191405662609224,
  "fber": 275271.6875,
  "fd_mean": 0.10636506892695989,
  "fd_num": 7,
  "fd_perc": 2.9166666666666665,
  "fwhm_avg": 1.8860249579400319,
  "fwhm_x": 1.8961433333333335,
  "fwhm_y": 2.00858,
  "fwhm_z": 1.7533515404867626,
  "gcor": 0.0434435,
  "gsr_x": -0.018395692110061646,
  "gsr_y": 0.011886467225849628,
  "provenance": {
    "md5sum": "4c88d6a3be0d0691ad3c34d10a79671d",
    "settings": {
      "fd_thres": 0.2,
      "testing": false
    },
    "software": "mriqc",
    "version": "22.0.0rc1",
    "webapi_port": null,
    "webapi_url": "https://mriqc.nimh.nih.gov/api/v1"
  },
  "size_t": 240,
  "size_x": 80,
  "size_y": 80,
  "size_z": 36,
  "snr": 5.978163169780875,
  "spacing_tr": 2.0,
  "spacing_x": 3.0,
  "spacing_y": 3.0,
  "spacing_z": 3.299999952316284,
  "summary_bg_k": 155.69353519429492,
  "summary_bg_mad": 49.718230958760444,
  "summary_bg_mean": 506.7657470703125,
  "summary_bg_median": 48.82665252685547,
  "summary_bg_n": 162060.0,
  "summary_bg_p05": 4.436457324028016,
  "summary_bg_p95": 2537.6068969726557,
  "summary_bg_stdv": 1612.79638671875,
  "summary_fg_k": 1.8967940751130845,
  "summary_fg_mad": 3997.9382319613865,
  "summary_fg_mean": 26654.408203125,
  "summary_fg_median": 26151.9921875,
  "summary_fg_n": 29041.0,
  "summary_fg_p05": 20606.4140625,
  "summary_fg_p95": 33984.8515625,
  "summary_fg_stdv": 4374.51123046875,
  "tsnr": 106.48526000976562
}