{
  "aor": 0.002679333333333333,
  "aqi": 0.002456597481481482,
  "bids_meta": {
    "AcquisitionNumber": 8,
    "BidsifyVersion": "0.3.5",
    "ConversionSoftware": "dcm2niix",
    "ConversionSoftwareVersion": "v1.0.20181125  GCC6.3.0",
    "EchoTime": 0.02763,
    "EffectiveEchoSpacing": 0.0006909035636805814,
    "FlipAngle": 76.1,
    "ImageComments": "PIOP2",
    "ImageOrientationPatientDICOM": [
      0.998275,
      0.0512015,
      -0.0287476,
      -0.0570357,
      0.961902,
      -0.267379
    ],
    "Manufacturer": "Philips",
    "NumberOfVolumesDiscardedByScanner": 2,
    "ParallelAcquisitionTechnique": "SENSE",
    "ParallelReductionFactorInPlane": 2,
    "PatientPosition": "HFS",
    "PhaseEncodingDirection": "j",
    "PhilipsRescaleIntercept": 0,
    "PhilipsRescaleSlope": 0.76459,
    "PhilipsScaleSlope": 0.0610609,
    "ProtocolName": "WIPtask-harriri_boldSENSE",
    "PulseSequenceType": "gradient echo EPI",
    "ReconMatrixPE": 80,
    "RepetitionTime": 2,
    "SeriesDescription": "ImageMRSERIES",
    "SeriesNumber": 8,
    "SliceEncodingDirection": "k",
    "SliceTiming": [
      0.0,
      0.0556,
      0.1111,
      0.1667,
      0.2222,
      0.2778,
      0.3333,
      0.3889,
      0.4444,
      0.5,
      0.5556,
      0.6111,
      0.6667,
      0.7222,
      0.7778,
      0.8333,
      0.8889,
      0.9444,
      1.0,
      1.0556,
      1.1111,
      1.1667,
      1.2222,
      1.2778,
      1.3333,
      1.3889,
      1.4444,
      1.5,
      1.5556,
      1.6111,
      1.6667,
      1.7222,
      1.7778,
      1.8333,
      1.8889,
      1.9444
    ],
    "TaskName": "emomatching",
    "TotalReadoutTime": 0.026945238983542674,
    "UsePhilipsFloatNotDisplayScaling": 1,
    "WaterFatShift": 12,
    "acq_id": "seq",
    "dataset": "ds002790",
    "modality": "bold",
    "subject_id": "0011",
    "task_id": "emomatching"
  },
  "dummy_trs": 0,
  "dvars_nstd": 14.56136457246269,
  "dvars_std": 1.2144235719402985,
  "dvars_vstd": 1.0245112038805972,
  "efc": 0.39369665832723844,
  "fber": 267182.6875,
  "fd_mean": 0.10037097264632402,
  "fd_num": 3,
  "fd_perc": 2.2222222222222223,
  "fwhm_avg": 1.909419402509867,
  "fwhm_x": 1.9132300000000002,
  "fwhm_y": 2.0356433333333332,
  "fwhm_z": 1.7793848741962675,
  "gcor": 0.0539964,
  "gsr_x": -0.01892680674791336,
  "gsr_y": 0.011925271712243557,
  "provenance": {
    "md5sum": "6773b1d7a91ab577081d93b8a4485706",
    "settings": {
      "fd_thres": 0.2,
      "testing": false
    },
    "software": "mriqc",
    "version": "22.0.0rc1",
    "webapi_port": null,
    "webapi_url": "https://mriqc.nimh.nih.gov/api/v1"
  },
  "size_t": 135,
  "size_x": 80,
  "size_y": 80,
  "size_z": 36,
  "snr": 5.943610959460041,
  "spacing_tr": 2.0,
  "spacing_x": 3.0,
  "spacing_y": 3.0,
  "spacing_z": 3.299999952316284,
  "summary_bg_k": 131.35458009347155,
  "summary_bg_mad": 49.93771936283178,
  "summary_bg_mean": 509.6931457519531,
  "summary_bg_median": 48.685028076171875,
  "summary_bg_n": 161907.0,
  "summary_bg_p05": 4.602149486541748,
  "summary_bg_p95": 2609.470751953124,
  "summary_bg_stdv": 1565.240234375,
  "summary_fg_k": 1.8603723550811138,
  "summary_fg_mad": 3971.6973309768205,
  "summary_fg_mean": 26244.603515625,
  "summary_fg_median": 25760.2109375,
  "summary_fg_n": 29179.0,
  "summary_fg_p05": 20226.622265625,
  "summary_fg_p95": 33556.158203125,
  "summary_fg_stdv": 4334.02685546875,
  "tsnr": 120.10739135742188
}