{
  "aor": 0.002276929824561403,
  "aqi": 0.003091889385964913,
  "bids_meta": {
    "AcquisitionNumber": 7,
    "BidsifyVersion": "0.3.5",
    "ConversionSoftware": "dcm2niix",
    "ConversionSoftwareVersion": "v1.0.20181125  GCC6.3.0",
    "EchoTime": 0.02763,
    "EffectiveEchoSpacing": 0.0006909035636805814,
    "FlipAngle": 76.1,
    "ImageComments": "PIOP2",
    "ImageOrientationPatientDICOM": [
      0.998275,
      0.0512015,
      -0.0287476,
      -0.0570357,
      0.961902,
      -0.267379
    ],
    "Manufacturer": "Philips",
    "NumberOfVolumesDiscardedByScanner": 2,
    "ParallelAcquisitionTechnique": "SENSE",
    "ParallelReductionFactorInPlane": 2,
    "PatientPosition": "HFS",
    "PhaseEncodingDirection": "j",
    "PhilipsRescaleIntercept": 0,
    "PhilipsRescaleSlope": 0.80757,
    "PhilipsScaleSlope": 0.0574822,
    "ProtocolName": "WIPtask-stop_boldSENSE",
    "PulseSequenceType": "gradient echo EPI",
    "ReconMatrixPE": 80,
    "RepetitionTime": 2,
    "SeriesDescription": "ImageMRSERIES",
    "SeriesNumber": 7,
    "SliceEncodingDirection": "k",
    "SliceTiming": [
      0.0,
      0.0556,
      0.1111,
      0.1667,
      0.2222,
      0.2778,
      0.3333,
      0.3889,
      0.4444,
      0.5,
      0.5556,
      0.6111,
      0.6667,
      0.7222,
      0.7778,
      0.8333,
      0.8889,
      0.9444,
      1.0,
      1.0556,
      1.1111,
      1.1667,
      1.2222,
      1.2778,
      1.3333,
      1.3889,
      1.4444,
      1.5,
      1.5556,
      1.6111,
      1.6667,
      1.7222,
      1.7778,
      1.8333,
      1.8889,
      1.9444
    ],
    "TaskName": "stopsignal",
    "TotalReadoutTime": 0.026945238983542674,
    "UsePhilipsFloatNotDisplayScaling": 1,
    "WaterFatShift": 12,
    "acq_id": "seq",
    "dataset": "ds002790",
    "modality": "bold",
    "subject_id": "0011",
    "task_id": "stopsignal"
  },
  "dummy_trs": 0,
  "dvars_nstd": 14.015961520792947,
  "dvars_std": 1.1635033601762117,
  "dvars_vstd": 1.0136168176211453,
  "efc": 0.3937137531789074,
  "fber": 267729.875,
  "fd_mean": 0.10527890499901481,
  "fd_num": 4,
  "fd_perc": 1.7543859649122806,
  "fwhm_avg": 1.915591927789321,
  "fwhm_x": 1.9207933333333334,
  "fwhm_y": 2.0410066666666666,
  "fwhm_z": 1.784975783367963,
  "gcor": 0.0318348,
  "gsr_x": -0.01885194331407547,
  "gsr_y": 0.012070605531334877,
  "provenance": {
    "md5sum": "c05d8d5e67d8c2185ca80522a63da27d",
    "settings": {
      "fd_thres": 0.2,
      "testing": false
    },
    "software": "mriqc",
    "version": "22.0.0rc1",
    "webapi_port": null,
    "webapi_url": "https://mriqc.nimh.nih.gov/api/v1"
  },
  "size_t": 228,
  "size_x": 80,
  "size_y": 80,
  "size_z": 36,
  "snr": 5.931122504270333,
  "spacing_tr": 2.0,
  "spacing_x": 3.0,
  "spacing_y": 3.0,
  "spacing_z": 3.299999952316284,
  "summary_bg_k": 139.14298939879072,
  "summary_bg_mad": 50.42953929728414,
  "summary_bg_mean": 515.5626831054688,
  "summary_bg_median": 49.15220642089844,
  "summary_bg_n": 161912.0,
  "summary_bg_p05": 4.586416888236999,
  "summary_bg_p95": 2634.0396118164026,
  "summary_bg_stdv": 1597.652587890625,
  "summary_fg_k": 1.8450815150804223,
  "summary_fg_mad": 4009.018656549495,
  "summary_fg_mean": 26439.640625,
  "summary_fg_median": 25941.181640625,
  "summary_fg_n": 29194.0,
  "summary_fg_p05": 20364.92275390625,
  "summary_fg_p95": 33801.21796875,
  "summary_fg_stdv": 4373.6640625,
  "tsnr": 106.77477264404297
}