{
  "aor": 0.0017991555555555555,
  "aqi": 0.004451300755555556,
  "bids_meta": {
    "AcquisitionNumber": 8,
    "BidsifyVersion": "0.3.5",
    "ConversionSoftware": "dcm2niix",
    "ConversionSoftwareVersion": "v1.0.20181125  GCC6.3.0",
    "EchoTime": 0.02763,
    "EffectiveEchoSpacing": 0.0006909035636805814,
    "FlipAngle": 76.1,
    "ImageComments": "PIOP2",
    "ImageOrientationPatientDICOM": [
      0.998664,
      0.0454158,
      -0.0246548,
      -0.0476199,
      0.994072,
      -0.0977354
    ],
    "Manufacturer": "Philips",
    "NumberOfVolumesDiscardedByScanner": 2,
    "ParallelAcquisitionTechnique": "SENSE",
    "ParallelReductionFactorInPlane": 2,
    "PatientPosition": "HFS",
    "PhaseEncodingDirection": "j",
    "PhilipsRescaleIntercept": 0,
    "PhilipsRescaleSlope": 0.77094,
    "PhilipsScaleSlope": 0.0552524,
    "ProtocolName": "WIPtask-stop_boldSENSE",
    "PulseSequenceType": "gradient echo EPI",
    "ReconMatrixPE": 80,
    "RepetitionTime": 2,
    "SeriesDescription": "ImageMRSERIES",
    "SeriesNumber": 8,
    "SliceEncodingDirection": "k",
    "SliceTiming": [
      0.0,
      0.0556,
      0.1111,
      0.1667,
      0.2222,
      0.2778,
      0.3333,
      0.3889,
      0.4444,
      0.5,
      0.5556,
      0.6111,
      0.6667,
      0.7222,
      0.7778,
      0.8333,
      0.8889,
      0.9444,
      1.0,
      1.0556,
      1.1111,
      1.1667,
      1.2222,
      1.2778,
      1.3333,
      1.3889,
      1.4444,
      1.5,
      1.5556,
      1.6111,
      1.6667,
      1.7222,
      1.7778,
      1.8333,
      1.8889,
      1.9444
    ],
    "TaskName": "stopsignal",
    "TotalReadoutTime": 0.026945238983542674,
    "UsePhilipsFloatNotDisplayScaling": 1,
    "WaterFatShift": 12,
    "acq_id": "seq",
    "dataset": "ds002790",
    "modality": "bold",
    "subject_id": "0136",
    "task_id": "stopsignal"
  },
  "dummy_trs": 0,
  "dvars_nstd": 17.58938384919642,
  "dvars_std": 1.2282828562053578,
  "dvars_vstd": 0.9962076567410721,
  "efc": 0.4244916124706574,
  "fber": 230262.265625,
  "fd_mean": 0.11039164353001733,
  "fd_num": 11,
  "fd_perc": 4.888888888888889,
  "fwhm_avg": 1.990323140375314,
  "fwhm_x": 1.9556133333333332,
  "fwhm_y": 2.1338833333333334,
  "fwhm_z": 1.8814727544592762,
  "gcor": 0.0350844,
  "gsr_x": -0.012447494082152843,
  "gsr_y": 0.01125685777515173,
  "provenance": {
    "md5sum": "9e1600a898cc67f6b966e9882b8fd2b7",
    "settings": {
      "fd_thres": 0.2,
      "testing": false
    },
    "software": "mriqc",
    "version": "22.0.0rc1",
    "webapi_port": null,
    "webapi_url": "https://mriqc.nimh.nih.gov/api/v1"
  },
  "size_t": 225,
  "size_x": 80,
  "size_y": 80,
  "size_z": 36,
  "snr": 5.649853394751298,
  "spacing_tr": 2.0,
  "spacing_x": 3.0,
  "spacing_y": 3.0,
  "spacing_z": 3.299999952316284,
  "summary_bg_k": 79.57868324219133,
  "summary_bg_mad": 57.88902098022668,
  "summary_bg_mean": 604.5924072265625,
  "summary_bg_median": 55.41911315917969,
  "summary_bg_n": 155543.0,
  "summary_bg_p05": 5.363374042510986,
  "summary_bg_p95": 3233.3157470703104,
  "summary_bg_stdv": 1886.7835693359375,
  "summary_fg_k": 1.6910527935998525,
  "summary_fg_mad": 4451.038265039955,
  "summary_fg_mean": 27341.568359375,
  "summary_fg_median": 26856.724609375,
  "summary_fg_n": 34497.0,
  "summary_fg_p05": 20678.535546875,
  "summary_fg_p95": 35596.40625,
  "summary_fg_stdv": 4753.45703125,
  "tsnr": 90.35748291015625
}