{
  "aor": 0.0014049166666666667,
  "aqi": 0.007340570666666667,
  "bids_meta": {
    "AcquisitionNumber": 4,
    "BidsifyVersion": "0.3.5",
    "ConversionSoftware": "dcm2niix",
    "ConversionSoftwareVersion": "v1.0.20181125  GCC6.3.0",
    "EchoTime": 0.02763,
    "EffectiveEchoSpacing": 0.0006909035636805814,
    "FlipAngle": 76.1,
    "ImageComments": "PIOP2",
    "ImageOrientationPatientDICOM": [
      0.998664,
      0.0454158,
      -0.0246548,
      -0.0476199,
      0.994072,
      -0.0977354
    ],
    "Manufacturer": "Philips",
    "NumberOfVolumesDiscardedByScanner": 2,
    "ParallelAcquisitionTechnique": "SENSE",
    "ParallelReductionFactorInPlane": 2,
    "PatientPosition": "HFS",
    "PhaseEncodingDirection": "j",
    "PhilipsRescaleIntercept": 0,
    "PhilipsRescaleSlope": 0.79292,
    "PhilipsScaleSlope": 0.0560543,
    "ProtocolName": "WIPtask-rest_boldSENSE",
    "PulseSequenceType": "gradient echo EPI",
    "ReconMatrixPE": 80,
    "RepetitionTime": 2,
    "SeriesDescription": "ImageMRSERIES",
    "SeriesNumber": 4,
    "SliceEncodingDirection": "k",
    "SliceTiming": [
      0.0,
      0.0556,
      0.1111,
      0.1667,
      0.2222,
      0.2778,
      0.3333,
      0.3889,
      0.4444,
      0.5,
      0.5556,
      0.6111,
      0.6667,
      0.7222,
      0.7778,
      0.8333,
      0.8889,
      0.9444,
      1.0,
      1.0556,
      1.1111,
      1.1667,
      1.2222,
      1.2778,
      1.3333,
      1.3889,
      1.4444,
      1.5,
      1.5556,
      1.6111,
      1.6667,
      1.7222,
      1.7778,
      1.8333,
      1.8889,
      1.9444
    ],
    "TaskName": "restingstate",
    "TotalReadoutTime": 0.026945238983542674,
    "UsePhilipsFloatNotDisplayScaling": 1,
    "WaterFatShift": 12,
    "acq_id": "seq",
    "dataset": "ds002790",
    "modality": "bold",
    "subject_id": "0136",
    "task_id": "restingstate"
  },
  "dummy_trs": 0,
  "dvars_nstd": 21.27855527548116,
  "dvars_std": 1.3226324418828443,
  "dvars_vstd": 0.977790275732218,
  "efc": 0.42408821516368284,
  "fber": 235249.96875,
  "fd_mean": 0.10571977444223443,
  "fd_num": 12,
  "fd_perc": 5.0,
  "fwhm_avg": 1.9810953625026508,
  "fwhm_x": 1.9557866666666666,
  "fwhm_y": 2.1257266666666665,
  "fwhm_z": 1.861772754174619,
  "gcor": 0.0515564,
  "gsr_x": -0.012191066518425941,
  "gsr_y": 0.010369524359703064,
  "provenance": {
    "md5sum": "e6d5aa19f0047e09c3532e032e191411",
    "settings": {
      "fd_thres": 0.2,
      "testing": false
    },
    "software": "mriqc",
    "version": "22.0.0rc1",
    "webapi_port": null,
    "webapi_url": "https://mriqc.nimh.nih.gov/api/v1"
  },
  "size_t": 240,
  "size_x": 80,
  "size_y": 80,
  "size_z": 36,
  "snr": 5.651710591482116,
  "spacing_tr": 2.0,
  "spacing_x": 3.0,
  "spacing_y": 3.0,
  "spacing_z": 3.299999952316284,
  "summary_bg_k": 87.15102137059606,
  "summary_bg_mad": 56.4449961456491,
  "summary_bg_mean": 587.8217163085938,
  "summary_bg_median": 54.617733001708984,
  "summary_bg_n": 155452.0,
  "summary_bg_p05": 5.982894754409791,
  "summary_bg_p95": 3101.252783203121,
  "summary_bg_stdv": 1846.190185546875,
  "summary_fg_k": 1.785445344395689,
  "summary_fg_mad": 4448.097674116337,
  "summary_fg_mean": 27246.642578125,
  "summary_fg_median": 26762.591796875,
  "summary_fg_n": 34562.0,
  "summary_fg_p05": 20637.0109375,
  "summary_fg_p95": 35440.618164062485,
  "summary_fg_stdv": 4735.23974609375,
  "tsnr": 76.31735229492188
}