{
  "aor": 0.003723432835820895,
  "aqi": 0.0030023614179104474,
  "bids_meta": {
    "AcquisitionNumber": 9,
    "BidsifyVersion": "0.3.5",
    "ConversionSoftware": "dcm2niix",
    "ConversionSoftwareVersion": "v1.0.20181125  GCC6.3.0",
    "EchoTime": 0.02763,
    "EffectiveEchoSpacing": 0.0006909035636805814,
    "FlipAngle": 76.1,
    "ImageComments": "PIOP2",
    "ImageOrientationPatientDICOM": [
      0.998664,
      0.0454158,
      -0.0246548,
      -0.0476199,
      0.994072,
      -0.0977354
    ],
    "Manufacturer": "Philips",
    "NumberOfVolumesDiscardedByScanner": 2,
    "ParallelAcquisitionTechnique": "SENSE",
    "ParallelReductionFactorInPlane": 2,
    "PatientPosition": "HFS",
    "PhaseEncodingDirection": "j",
    "PhilipsRescaleIntercept": 0,
    "PhilipsRescaleSlope": 0.76777,
    "PhilipsScaleSlope": 0.0558309,
    "ProtocolName": "WIPtask-harriri_boldSENSE",
    "PulseSequenceType": "gradient echo EPI",
    "ReconMatrixPE": 80,
    "RepetitionTime": 2,
    "SeriesDescription": "ImageMRSERIES",
    "SeriesNumber": 9,
    "SliceEncodingDirection": "k",
    "SliceTiming": [
      0.0,
      0.0556,
      0.1111,
      0.1667,
      0.2222,
      0.2778,
      0.3333,
      0.3889,
      0.4444,
      0.5,
      0.5556,
      0.6111,
      0.6667,
      0.7222,
      0.7778,
      0.8333,
      0.8889,
      0.9444,
      1.0,
      1.0556,
      1.1111,
      1.1667,
      1.2222,
      1.2778,
      1.3333,
      1.3889,
      1.4444,
      1.5,
      1.5556,
      1.6111,
      1.6667,
      1.7222,
      1.7778,
      1.8333,
      1.8889,
      1.9444
    ],
    "TaskName": "emomatching",
    "TotalReadoutTime": 0.026945238983542674,
    "UsePhilipsFloatNotDisplayScaling": 1,
    "WaterFatShift": 12,
    "acq_id": "seq",
    "dataset": "ds002790",
    "modality": "bold",
    "subject_id": "0136",
    "task_id": "emomatching"
  },
  "dummy_trs": 1,
  "dvars_nstd": 16.186263206390972,
  "dvars_std": 1.2369490781203007,
  "dvars_vstd": 1.0465302742105256,
  "efc": 0.42558794856022425,
  "fber": 228258.234375,
  "fd_mean": 0.10596948082524538,
  "fd_num": 6,
  "fd_perc": 4.477611940298507,
  "fwhm_avg": 1.9522863725081472,
  "fwhm_x": 1.9134833333333334,
  "fwhm_y": 2.101433333333333,
  "fwhm_z": 1.8419424508577757,
  "gcor": 0.0198454,
  "gsr_x": -0.011822379194200039,
  "gsr_y": 0.01135227084159851,
  "provenance": {
    "md5sum": "92b6cfcc3e4c74ba2f1839d2ca5468a2",
    "settings": {
      "fd_thres": 0.2,
      "testing": false
    },
    "software": "mriqc",
    "version": "22.0.0rc1",
    "webapi_port": null,
    "webapi_url": "https://mriqc.nimh.nih.gov/api/v1"
  },
  "size_t": 134,
  "size_x": 80,
  "size_y": 80,
  "size_z": 36,
  "snr": 5.934889726544543,
  "spacing_tr": 2.0,
  "spacing_x": 3.0,
  "spacing_y": 3.0,
  "spacing_z": 3.299999952316284,
  "summary_bg_k": 74.94954119952399,
  "summary_bg_mad": 57.83387811359449,
  "summary_bg_mean": 604.8768920898438,
  "summary_bg_median": 55.36623001098633,
  "summary_bg_n": 155333.0,
  "summary_bg_p05": 4.959701251983644,
  "summary_bg_p95": 3235.047070312492,
  "summary_bg_stdv": 1884.97021484375,
  "summary_fg_k": 1.404034512610826,
  "summary_fg_mad": 4308.062709300279,
  "summary_fg_mean": 27188.96875,
  "summary_fg_median": 26762.962890625,
  "summary_fg_n": 34651.0,
  "summary_fg_p05": 20823.7392578125,
  "summary_fg_p95": 34904.02734375,
  "summary_fg_stdv": 4509.36376953125,
  "tsnr": 108.39977264404297
}