{
  "bids_meta": {
    "AcquisitionNumber": 2,
    "BidsifyVersion": "0.3.5",
    "ConversionSoftware": "dcm2niix",
    "ConversionSoftwareVersion": "v1.0.20181125  GCC6.3.0",
    "EchoTime": 0.0038,
    "ImageComments": "PIOP2",
    "ImageOrientationPatientDICOM": [
      0.996327,
      0.0852814,
      0.00770494,
      -0.0843644,
      0.99304,
      -0.0821859
    ],
    "Manufacturer": "Philips",
    "NumberSignalAcquisitions": 2,
    "PatientPosition": "HFS",
    "PhilipsRescaleIntercept": 0,
    "PhilipsRescaleSlope": 9.4801,
    "PhilipsScaleSlope": 0.00716707,
    "ProtocolName": "WIPT1anat_acq-6m_T1wSENSE",
    "ReconMatrixPE": 240,
    "RepetitionTime": 0.008237,
    "SeriesDescription": "ImageMRSERIES",
    "SeriesNumber": 2,
    "UsePhilipsFloatNotDisplayScaling": 1,
    "dataset": "ds002790",
    "modality": "T1w",
    "subject_id": "0108"
  },
  "cjv": 0.26525413633599587,
  "cnr": 4.548261036376531,
  "efc": 0.7685845832905133,
  "fber": 1616.1239013671875,
  "fwhm_avg": 4.662096666666667,
  "fwhm_x": 4.37784,
  "fwhm_y": 4.68892,
  "fwhm_z": 4.91953,
  "icvs_csf": 0.2536846838017582,
  "icvs_gm": 0.40417899404662877,
  "icvs_wm": 0.34213632215161305,
  "inu_med": 2.007213592529297,
  "inu_range": 0.5373943209648133,
  "provenance": {
    "md5sum": "50a2b4565792608d485422c252e6b53c",
    "settings": {
      "testing": false
    },
    "software": "mriqc",
    "version": "22.0.0rc1",
    "warnings": {
      "large_rot_frame": true,
      "small_air_mask": true
    },
    "webapi_port": null,
    "webapi_url": "https://mriqc.nimh.nih.gov/api/v1"
  },
  "qi_1": 0.0,
  "qi_2": 0.00012186501499821618,
  "rpve_csf": 23.52613436352492,
  "rpve_gm": 14.673857591925968,
  "rpve_wm": 21.92435993589353,
  "size_x": 240,
  "size_y": 240,
  "size_z": 220,
  "snr_csf": 2.6811081960316043,
  "snr_gm": 9.648248314761442,
  "snr_total": 12.250250527914504,
  "snr_wm": 24.421395072950467,
  "snrd_csf": 26.33246078706174,
  "snrd_gm": 49.24795998019061,
  "snrd_total": 50.76784557727703,
  "snrd_wm": 76.72311596457872,
  "spacing_x": 1.0,
  "spacing_y": 1.0,
  "spacing_z": 1.0,
  "summary_bg_k": 9.878802563396848,
  "summary_bg_mad": 8.53897823500956,
  "summary_bg_mean": 11.906891822814941,
  "summary_bg_median": 11.54395866394043,
  "summary_bg_n": 188106.0,
  "summary_bg_p05": 0.0,
  "summary_bg_p95": 29.37295150756836,
  "summary_bg_stdv": 9.824382781982422,
  "summary_csf_k": 106.90175431524493,
  "summary_csf_mad": 107.21397584200564,
  "summary_csf_mean": 331.4297180175781,
  "summary_csf_median": 343.2145080566406,
  "summary_csf_n": 19483.0,
  "summary_csf_p05": 151.3195785522461,
  "summary_csf_p95": 469.5181335449218,
  "summary_csf_stdv": 128.00889587402344,
  "summary_gm_k": 1.2062104262672646,
  "summary_gm_mad": 60.089549388211665,
  "summary_gm_mean": 647.7831420898438,
  "summary_gm_median": 641.8927001953125,
  "summary_gm_n": 27132.0,
  "summary_gm_p05": 550.9087738037109,
  "summary_gm_p95": 766.1459686279295,
  "summary_gm_stdv": 66.52822875976562,
  "summary_wm_k": 1.6087944639067375,
  "summary_wm_mad": 34.90015217433878,
  "summary_wm_mean": 996.9129638671875,
  "summary_wm_median": 1000.0009765625,
  "summary_wm_n": 200331.0,
  "summary_wm_p05": 924.6492004394531,
  "summary_wm_p95": 1057.5089721679688,
  "summary_wm_stdv": 40.94763946533203,
  "tpm_overlap_csf": 0.16073332726955414,
  "tpm_overlap_gm": 0.44807031750679016,
  "tpm_overlap_wm": 0.4959568977355957,
  "wm2max": 0.6990851689187491
}